{
  "aor": 0.00028014900662251654,
  "aqi": 0.008322063418874173,
  "bids_meta": {
    "CogAtlasID": "https://www.cognitiveatlas.org/task/id/trm_4c8991fadfe01",
    "DeviceSerialNumber": "45031",
    "DwellTime": 5.4e-06,
    "EchoTime": 0.028,
    "EffectiveEchoSpacing": 0.000390001,
    "FlipAngle": 64,
    "InstitutionAddress": "Washington Rd, Princeton, NJ 08540, USA",
    "InstitutionName": "Princeton University",
    "InstitutionalDepartmentName": "Princeton Neuroscience Institute",
    "MagneticFieldStrength": 3,
    "Manufacturer": "Siemens",
    "ManufacturersModelName": "Skyra",
    "NumberOfVolumesDiscardedByScanner": 3,
    "ParallelReductionFactorInPlane": 2,
    "ParallelReductionType": "GRAPPA",
    "PartialFourier": 1,
    "PhaseEncodingDirection": "j-",
    "PixelBandwidth": 1445,
    "PulseSequenceDetails": "%SiemensSeq%_ep2d_bold",
    "PulseSequenceType": "Gradient Echo EPI",
    "ReceiveCoilActiveElements": "HE1-4",
    "ReceiveCoilName": "HeadNeck_20",
    "RepetitionTime": 1.5,
    "ScanOptions": "FS",
    "ScanningSequence": "EP",
    "SequenceName": "_epfid2d1_64",
    "SequenceVariant": "SK",
    "SliceTiming": [
      0,
      0.7775,
      0.055,
      0.8325,
      0.11,
      0.8875,
      0.1675,
      0.945,
      0.2225,
      1,
      0.2775,
      1.055,
      0.3325,
      1.11,
      0.3875,
      1.165,
      0.445,
      1.2225,
      0.5,
      1.2775,
      0.555,
      1.3325,
      0.61,
      1.3875,
      0.6675,
      1.445,
      0.7225
    ],
    "SoftwareVersions": "syngo_MR_D11",
    "StationName": "AWP45031",
    "TaskDescription": "Passively listened to audio story 'slumlordreach'",
    "TaskName": "slumlordreach",
    "TotalReadoutTime": 0.0245701,
    "dataset": "ds002345",
    "modality": "bold",
    "subject_id": "140",
    "task_id": "slumlordreach"
  },
  "dummy_trs": 0,
  "dvars_nstd": 20.346755055302395,
  "dvars_std": 1.2338766468516986,
  "dvars_vstd": 0.9493039411930402,
  "efc": 0.5993846651823512,
  "fber": 1427.5323486328125,
  "fd_mean": 0.06035024631168156,
  "fd_num": 1,
  "fd_perc": 0.08278145695364239,
  "fwhm_avg": 1.850050978874662,
  "fwhm_x": 1.8109,
  "fwhm_y": 2.0753333333333335,
  "fwhm_z": 1.6639196032906525,
  "gcor": 0.0940392,
  "gsr_x": -0.00950149167329073,
  "gsr_y": 0.044182948768138885,
  "provenance": {
    "md5sum": "6d7dbb9e60fab53c5668a4db54200264",
    "settings": {
      "fd_thres": 0.2,
      "testing": false
    },
    "software": "mriqc",
    "version": "22.0.0rc1",
    "webapi_port": null,
    "webapi_url": "https://mriqc.nimh.nih.gov/api/v1"
  },
  "size_t": 1208,
  "size_x": 64,
  "size_y": 64,
  "size_z": 27,
  "snr": 6.427375764494825,
  "spacing_tr": 1.5,
  "spacing_x": 3.0,
  "spacing_y": 3.0,
  "spacing_z": 4.000000953674316,
  "summary_bg_k": 34.53518692461568,
  "summary_bg_mad": 16.800780143932574,
  "summary_bg_mean": 48.18468475341797,
  "summary_bg_median": 20.309602737426758,
  "summary_bg_n": 54066.0,
  "summary_bg_p05": 6.645074367523193,
  "summary_bg_p95": 184.66888046264648,
  "summary_bg_stdv": 75.97073364257812,
  "summary_fg_k": 2.894586593920593,
  "summary_fg_mad": 111.93949894091807,
  "summary_fg_mean": 812.5551147460938,
  "summary_fg_median": 804.8551025390625,
  "summary_fg_n": 28054.0,
  "summary_fg_p05": 636.9268218994141,
  "summary_fg_p95": 1008.8510864257812,
  "summary_fg_stdv": 125.22074127197266,
  "tsnr": 64.28427358577028
}