{
  "aor": 0.000574561403508772,
  "aqi": 0.00591791305764411,
  "bids_meta": {
    "CogAtlasID": "https://www.cognitiveatlas.org/task/id/trm_4c8991fadfe01",
    "DeviceSerialNumber": "45031",
    "DwellTime": 5.4e-06,
    "EchoTime": 0.028,
    "EffectiveEchoSpacing": 0.000390001,
    "FlipAngle": 64,
    "InstitutionAddress": "Washington Rd, Princeton, NJ 08540, USA",
    "InstitutionName": "Princeton University",
    "InstitutionalDepartmentName": "Princeton Neuroscience Institute",
    "MagneticFieldStrength": 3,
    "Manufacturer": "Siemens",
    "ManufacturersModelName": "Skyra",
    "NumberOfVolumesDiscardedByScanner": 3,
    "ParallelReductionFactorInPlane": 2,
    "ParallelReductionType": "GRAPPA",
    "PartialFourier": 1,
    "PhaseEncodingDirection": "j-",
    "PixelBandwidth": 1445,
    "PulseSequenceDetails": "%SiemensSeq%_ep2d_bold",
    "PulseSequenceType": "Gradient Echo EPI",
    "ReceiveCoilActiveElements": "HE1-4",
    "ReceiveCoilName": "HeadNeck_20",
    "RepetitionTime": 1.5,
    "ScanOptions": "FS",
    "ScanningSequence": "EP",
    "SequenceName": "_epfid2d1_64",
    "SequenceVariant": "SK",
    "SliceTiming": [
      0,
      0.7775,
      0.055,
      0.8325,
      0.11,
      0.8875,
      0.165,
      0.9425,
      0.2225,
      1,
      0.2775,
      1.055,
      0.3325,
      1.11,
      0.3875,
      1.165,
      0.445,
      1.2225,
      0.5,
      1.2775,
      0.555,
      1.3325,
      0.61,
      1.3875,
      0.665,
      1.4425,
      0.7225
    ],
    "SoftwareVersions": "syngo_MR_D11",
    "StationName": "AWP45031",
    "TaskDescription": "Passively listened to audio story 'notthefall'",
    "TaskName": "notthefall",
    "TotalReadoutTime": 0.0245701,
    "dataset": "ds002345",
    "modality": "bold",
    "subject_id": "140",
    "task_id": "notthefall"
  },
  "dummy_trs": 1,
  "dvars_nstd": 19.713780551758802,
  "dvars_std": 1.2571390203266322,
  "dvars_vstd": 0.986710328366834,
  "efc": 0.5998462516279451,
  "fber": 1486.8822021484375,
  "fd_mean": 0.05712196816044483,
  "fd_num": 0,
  "fd_perc": 0.0,
  "fwhm_avg": 1.8366807015854434,
  "fwhm_x": 1.7930466666666665,
  "fwhm_y": 2.059223333333333,
  "fwhm_z": 1.6577721047563303,
  "gcor": 0.0200506,
  "gsr_x": -0.008416419848799706,
  "gsr_y": 0.041455287486314774,
  "provenance": {
    "md5sum": "c812f9b0244345f31b1228e11b0b4226",
    "settings": {
      "fd_thres": 0.2,
      "testing": false
    },
    "software": "mriqc",
    "version": "22.0.0rc1",
    "webapi_port": null,
    "webapi_url": "https://mriqc.nimh.nih.gov/api/v1"
  },
  "size_t": 399,
  "size_x": 64,
  "size_y": 64,
  "size_z": 27,
  "snr": 6.437551473055451,
  "spacing_tr": 1.5,
  "spacing_x": 3.0,
  "spacing_y": 3.0,
  "spacing_z": 4.000000953674316,
  "summary_bg_k": 32.55105353047453,
  "summary_bg_mad": 15.901743571638214,
  "summary_bg_mean": 47.84893035888672,
  "summary_bg_median": 19.69423484802246,
  "summary_bg_n": 54016.0,
  "summary_bg_p05": 6.689222812652588,
  "summary_bg_p95": 186.17669296264648,
  "summary_bg_stdv": 75.96669006347656,
  "summary_fg_k": 2.8898134928912853,
  "summary_fg_mad": 110.40744346848098,
  "summary_fg_mean": 807.1052856445312,
  "summary_fg_median": 799.0426025390625,
  "summary_fg_n": 28161.0,
  "summary_fg_p05": 634.45361328125,
  "summary_fg_p95": 1002.744384765625,
  "summary_fg_stdv": 124.11992645263672,
  "tsnr": 77.23061949573457
}