{
  "bids_meta": {
    "DeviceSerialNumber": "45031",
    "DwellTime": 8.2e-06,
    "EchoTime": 0.00308,
    "FlipAngle": 9,
    "InstitutionAddress": "Washington Rd, Princeton, NJ 08540, USA",
    "InstitutionName": "Princeton University",
    "InstitutionalDepartmentName": "Princeton Neuroscience Institute",
    "InversionTime": 0.9,
    "MagneticFieldStrength": 3,
    "Manufacturer": "Siemens",
    "ManufacturersModelName": "Skyra",
    "ParallelReductionFactorInPlane": 2,
    "ParallelReductionType": "GRAPPA",
    "PartialFourier": 1,
    "PixelBandwidth": 240,
    "PulseSequenceDetails": "%SiemensSeq%_tfl",
    "PulseSequenceType": "MPRAGE",
    "ReceiveCoilActiveElements": "HE1-4",
    "ReceiveCoilName": "HeadNeck_20",
    "RepetitionTime": 2.3,
    "ScanOptions": "IR",
    "ScanningSequence": "GR_IR",
    "SequenceName": "_tfl3d1_16ns",
    "SequenceVariant": "SK_SP_MP",
    "SoftwareVersions": "syngo_MR_D11",
    "StationName": "AWP45031",
    "dataset": "ds002345",
    "modality": "T1w",
    "subject_id": "066"
  },
  "cjv": 0.5421738925831316,
  "cnr": 2.442430494957264,
  "efc": 0.6834500612778166,
  "fber": 836.2162616057986,
  "fwhm_avg": 3.35700509994668,
  "fwhm_x": 3.3848887543854946,
  "fwhm_y": 3.4949934545454546,
  "fwhm_z": 3.1911330909090907,
  "icvs_csf": 0.17001415820545027,
  "icvs_gm": 0.4269414875828319,
  "icvs_wm": 0.4030443542117178,
  "inu_med": 1.333399772644043,
  "inu_range": 0.6247726678848267,
  "provenance": {
    "md5sum": "1d1086626422fb1e78fea5a89e1517a0",
    "settings": {
      "testing": false
    },
    "software": "mriqc",
    "version": "21.0.0rc2",
    "warnings": {
      "large_rot_frame": true,
      "small_air_mask": false
    },
    "webapi_port": null,
    "webapi_url": "https://mriqc.nimh.nih.gov/api/v1"
  },
  "qi_1": 0.0,
  "qi_2": 0.0038704482162228012,
  "rpve_csf": 19.021311194796304,
  "rpve_gm": 8.600539091459197,
  "rpve_wm": 10.890001372393218,
  "size_x": 192,
  "size_y": 256,
  "size_z": 256,
  "snr_csf": 1.9353297400462088,
  "snr_gm": 8.881611147109046,
  "snr_total": 8.462709183986048,
  "snr_wm": 14.571186664802887,
  "snrd_csf": 16.955410183707038,
  "snrd_gm": 35.91033990911305,
  "snrd_total": 33.91020664134235,
  "snrd_wm": 48.86486983120695,
  "spacing_x": 0.9000000357627869,
  "spacing_y": 0.859375,
  "spacing_z": 0.859375,
  "summary_bg_k": 24.663189023837422,
  "summary_bg_mad": 13.408113948837217,
  "summary_bg_mean": 23.25022790021692,
  "summary_bg_median": 19.669907055795193,
  "summary_bg_n": 2486438.0,
  "summary_bg_p05": 3.2406360283493996,
  "summary_bg_p95": 50.94581291079521,
  "summary_bg_stdv": 15.019943316065104,
  "summary_csf_k": 20.156998715346955,
  "summary_csf_mad": 163.2996544685466,
  "summary_csf_mean": 379.8488491151043,
  "summary_csf_median": 347.0118277333677,
  "summary_csf_n": 12782.0,
  "summary_csf_p05": 174.0937501695007,
  "summary_csf_p95": 634.8405979536469,
  "summary_csf_stdv": 179.29670900488696,
  "summary_gm_k": 0.8220453823804874,
  "summary_gm_mad": 76.92905378145353,
  "summary_gm_mean": 738.1309757525548,
  "summary_gm_median": 734.9461057782173,
  "summary_gm_n": 33814.0,
  "summary_gm_p05": 610.0421959739178,
  "summary_gm_p95": 877.835545539856,
  "summary_gm_stdv": 82.74796385953015,
  "summary_wm_k": 0.2749374203836785,
  "summary_wm_mad": 66.81710117837213,
  "summary_wm_mean": 1001.0333645216602,
  "summary_wm_median": 1000.075351074338,
  "summary_wm_n": 413641.0,
  "summary_wm_p05": 890.0444533675909,
  "summary_wm_p95": 1115.230975523591,
  "summary_wm_stdv": 68.63367858848258,
  "tpm_overlap_csf": 0.18268224596977234,
  "tpm_overlap_gm": 0.4331975281238556,
  "tpm_overlap_wm": 0.504134476184845,
  "wm2max": 0.4601886530725482
}