{
  "aor": 0.0032451666666666666,
  "aqi": 0.013928906199999999,
  "bids_meta": {
    "CogAtlasID": "https://www.cognitiveatlas.org/task/id/trm_4c8991fadfe01",
    "DeviceSerialNumber": "45031",
    "DwellTime": 5.4e-06,
    "EchoTime": 0.028,
    "EffectiveEchoSpacing": 0.000390001,
    "FlipAngle": 64,
    "InstitutionAddress": "Washington Rd, Princeton, NJ 08540, USA",
    "InstitutionName": "Princeton University",
    "InstitutionalDepartmentName": "Princeton Neuroscience Institute",
    "MagneticFieldStrength": 3,
    "Manufacturer": "Siemens",
    "ManufacturersModelName": "Skyra",
    "NumberOfVolumesDiscardedByScanner": 3,
    "ParallelReductionFactorInPlane": 2,
    "ParallelReductionType": "GRAPPA",
    "PartialFourier": 1,
    "PhaseEncodingDirection": "j-",
    "PixelBandwidth": 1445,
    "PulseSequenceDetails": "%SiemensSeq%_ep2d_bold",
    "PulseSequenceType": "Gradient Echo EPI",
    "ReceiveCoilActiveElements": "HE1-4",
    "ReceiveCoilName": "HeadNeck_20",
    "RepetitionTime": 1.5,
    "ScanOptions": "FS",
    "ScanningSequence": "EP",
    "SequenceName": "_epfid2d1_64",
    "SequenceVariant": "SK",
    "SliceTiming": [
      0,
      0.7775,
      0.055,
      0.8325,
      0.11,
      0.89,
      0.1675,
      0.945,
      0.2225,
      1,
      0.2775,
      1.055,
      0.3325,
      1.11,
      0.39,
      1.1675,
      0.445,
      1.2225,
      0.5,
      1.2775,
      0.555,
      1.3325,
      0.61,
      1.3875,
      0.6675,
      1.445,
      0.7225
    ],
    "SoftwareVersions": "syngo_MR_D11",
    "StationName": "AWP45031",
    "TaskDescription": "Passively listened to audio story 'pieman'",
    "TaskName": "pieman",
    "TotalReadoutTime": 0.0245701,
    "dataset": "ds002345",
    "modality": "bold",
    "subject_id": "050",
    "task_id": "pieman"
  },
  "dummy_trs": 0,
  "dvars_nstd": 24.289089528227425,
  "dvars_std": 1.147947430802676,
  "dvars_vstd": 1.002773259397993,
  "efc": 0.6623633377637249,
  "fber": 1423.7066650390625,
  "fd_mean": 0.3345079485782747,
  "fd_num": 156,
  "fd_perc": 52.0,
  "fwhm_avg": 1.7904250000000002,
  "fwhm_x": 1.7304066666666669,
  "fwhm_y": 1.9788833333333333,
  "fwhm_z": 1.661985,
  "gcor": 0.0113709,
  "gsr_x": -0.004616823513060808,
  "gsr_y": 0.04087303206324577,
  "provenance": {
    "md5sum": "7a136f5b7e39eb2a7ff47b4cf0674f6f",
    "settings": {
      "fd_thres": 0.2,
      "testing": false
    },
    "software": "mriqc",
    "version": "21.0.0rc2",
    "webapi_port": null,
    "webapi_url": "https://mriqc.nimh.nih.gov/api/v1"
  },
  "size_t": 300,
  "size_x": 64,
  "size_y": 64,
  "size_z": 27,
  "snr": 6.694230142398334,
  "spacing_tr": 1.5,
  "spacing_x": 3.0,
  "spacing_y": 3.0,
  "spacing_z": 4.0,
  "summary_bg_k": 11.303869367982205,
  "summary_bg_mad": 16.160363616143197,
  "summary_bg_mean": 47.94995880126953,
  "summary_bg_median": 19.09000015258789,
  "summary_bg_n": 44663.0,
  "summary_bg_p05": 5.876667022705078,
  "summary_bg_p95": 187.5273345947267,
  "summary_bg_stdv": 69.24376678466797,
  "summary_fg_k": 2.9086781005266023,
  "summary_fg_mad": 101.75099749530811,
  "summary_fg_mean": 782.7610473632812,
  "summary_fg_median": 773.0900268554688,
  "summary_fg_n": 36525.0,
  "summary_fg_p05": 627.2846923828125,
  "summary_fg_p95": 977.5020385742187,
  "summary_fg_stdv": 115.48444366455078,
  "tsnr": 54.28007886069827
}