{
  "aor": 0.0006742828685258964,
  "aqi": 0.006644361274900399,
  "bids_meta": {
    "CogAtlasID": "https://www.cognitiveatlas.org/task/id/trm_4c8991fadfe01",
    "DeviceSerialNumber": "66018",
    "DwellTime": 4.2e-06,
    "EchoTime": 0.039,
    "EffectiveEchoSpacing": 0.000929976,
    "FlipAngle": 50,
    "InstitutionAddress": "Washington Rd, Princeton, NJ 08540, USA",
    "InstitutionName": "Princeton University",
    "InstitutionalDepartmentName": "Princeton Neuroscience Institute",
    "MagneticFieldStrength": 3,
    "Manufacturer": "Siemens",
    "ManufacturersModelName": "Prisma",
    "NumberOfVolumesDiscardedByScanner": 3,
    "ParallelReductionType": "GRAPPA",
    "PartialFourier": 0.75,
    "PhaseEncodingDirection": "j-",
    "PixelBandwidth": 1240,
    "PulseSequenceDetails": "%CustomerSeq%_ep2d_bold_sms_mgh_v22",
    "PulseSequenceType": "Gradient Echo EPI",
    "ReceiveCoilActiveElements": "HC1-7;NC1,2",
    "ReceiveCoilName": "HeadNeck_64",
    "RepetitionTime": 1.5,
    "ScanOptions": "PFP_FS",
    "ScanningSequence": "EP",
    "SequenceName": "epfSM2d1_96",
    "SequenceVariant": "SK",
    "SliceTiming": [
      0.6925,
      0,
      0.79,
      0.1,
      0.8875,
      0.1975,
      0.9875,
      0.2975,
      1.085,
      0.395,
      1.185,
      0.495,
      1.2825,
      0.5925,
      1.3825,
      0.6925,
      0,
      0.79,
      0.1,
      0.8875,
      0.1975,
      0.9875,
      0.2975,
      1.085,
      0.395,
      1.185,
      0.495,
      1.2825,
      0.5925,
      1.3825,
      0.6925,
      0,
      0.79,
      0.1,
      0.8875,
      0.1975,
      0.9875,
      0.2975,
      1.085,
      0.395,
      1.185,
      0.495,
      1.2825,
      0.5925,
      1.3825,
      0.6925,
      0,
      0.79,
      0.1,
      0.8875,
      0.1975,
      0.9875,
      0.2975,
      1.085,
      0.395,
      1.185,
      0.495,
      1.2825,
      0.5925,
      1.3825
    ],
    "SoftwareVersions": "syngo_MR_D13D",
    "StationName": "AWP66018",
    "TaskDescription": "Passively listened to audio story 'schema'",
    "TaskName": "schema",
    "TotalReadoutTime": 0.0883478,
    "dataset": "ds002345",
    "modality": "bold",
    "run_id": 3,
    "subject_id": "196",
    "task_id": "schema"
  },
  "dummy_trs": 1,
  "dvars_nstd": 36.06212528399204,
  "dvars_std": 1.0824348642914179,
  "dvars_vstd": 0.9844588526746503,
  "efc": 0.5823612561665488,
  "fber": 318.2347717285156,
  "fd_mean": 0.14216724928146998,
  "fd_num": 71,
  "fd_perc": 14.143426294820717,
  "fwhm_avg": 2.8753349999999998,
  "fwhm_x": 2.744395,
  "fwhm_y": 2.99594,
  "fwhm_z": 2.88567,
  "gcor": 0.0114405,
  "gsr_x": -0.004156272392719984,
  "gsr_y": 0.04560840129852295,
  "provenance": {
    "md5sum": "2ab19b913fa8ab1cf57ca612dc1724aa",
    "settings": {
      "fd_thres": 0.2,
      "testing": false
    },
    "software": "mriqc",
    "version": "22.0.0rc1",
    "webapi_port": null,
    "webapi_url": "https://mriqc.nimh.nih.gov/api/v1"
  },
  "size_t": 502,
  "size_x": 96,
  "size_y": 96,
  "size_z": 60,
  "snr": 2.2171450198979517,
  "spacing_tr": 1.5,
  "spacing_x": 2.0,
  "spacing_y": 2.0,
  "spacing_z": 2.0,
  "summary_bg_k": 87.94676445966341,
  "summary_bg_mad": 6.500413616801102,
  "summary_bg_mean": 38.19294357299805,
  "summary_bg_median": 25.571714401245117,
  "summary_bg_n": 310629.0,
  "summary_bg_p05": 19.860557556152344,
  "summary_bg_p95": 97.17530059814453,
  "summary_bg_stdv": 42.83101272583008,
  "summary_fg_k": 4.103884409061162,
  "summary_fg_mad": 177.1237288835105,
  "summary_fg_mean": 510.77606201171875,
  "summary_fg_median": 470.02392578125,
  "summary_fg_n": 153617.0,
  "summary_fg_p05": 253.31394653320314,
  "summary_fg_p95": 903.9924438476555,
  "summary_fg_stdv": 211.9944305419922,
  "tsnr": 37.217243714258075
}