{
  "aor": 0.0007587148594377511,
  "aqi": 0.0073628631927710846,
  "bids_meta": {
    "CogAtlasID": "https://www.cognitiveatlas.org/task/id/trm_4c8991fadfe01",
    "DeviceSerialNumber": "66018",
    "DwellTime": 4.2e-06,
    "EchoTime": 0.039,
    "EffectiveEchoSpacing": 0.000929976,
    "FlipAngle": 50,
    "InstitutionAddress": "Washington Rd, Princeton, NJ 08540, USA",
    "InstitutionName": "Princeton University",
    "InstitutionalDepartmentName": "Princeton Neuroscience Institute",
    "MagneticFieldStrength": 3,
    "Manufacturer": "Siemens",
    "ManufacturersModelName": "Prisma",
    "NumberOfVolumesDiscardedByScanner": 3,
    "ParallelReductionType": "GRAPPA",
    "PartialFourier": 0.75,
    "PhaseEncodingDirection": "j-",
    "PixelBandwidth": 1240,
    "PulseSequenceDetails": "%CustomerSeq%_ep2d_bold_sms_mgh_v22",
    "PulseSequenceType": "Gradient Echo EPI",
    "ReceiveCoilActiveElements": "HC1-7;NC1,2",
    "ReceiveCoilName": "HeadNeck_64",
    "RepetitionTime": 1.5,
    "ScanOptions": "PFP_FS",
    "ScanningSequence": "EP",
    "SequenceName": "epfSM2d1_96",
    "SequenceVariant": "SK",
    "SliceTiming": [
      0.6925,
      0,
      0.79,
      0.1,
      0.8875,
      0.1975,
      0.9875,
      0.2975,
      1.085,
      0.395,
      1.185,
      0.495,
      1.2825,
      0.5925,
      1.3825,
      0.6925,
      0,
      0.79,
      0.1,
      0.8875,
      0.1975,
      0.9875,
      0.2975,
      1.085,
      0.395,
      1.185,
      0.495,
      1.2825,
      0.5925,
      1.3825,
      0.6925,
      0,
      0.79,
      0.1,
      0.8875,
      0.1975,
      0.9875,
      0.2975,
      1.085,
      0.395,
      1.185,
      0.495,
      1.2825,
      0.5925,
      1.3825,
      0.6925,
      0,
      0.79,
      0.1,
      0.8875,
      0.1975,
      0.9875,
      0.2975,
      1.085,
      0.395,
      1.185,
      0.495,
      1.2825,
      0.5925,
      1.3825
    ],
    "SoftwareVersions": "syngo_MR_D13D",
    "StationName": "AWP66018",
    "TaskDescription": "Passively listened to audio story 'schema'",
    "TaskName": "schema",
    "TotalReadoutTime": 0.0883478,
    "dataset": "ds002345",
    "modality": "bold",
    "run_id": 4,
    "subject_id": "196",
    "task_id": "schema"
  },
  "dummy_trs": 0,
  "dvars_nstd": 35.89417779585514,
  "dvars_std": 1.0572017431589547,
  "dvars_vstd": 0.9716952938028175,
  "efc": 0.5816884358615869,
  "fber": 319.7239685058594,
  "fd_mean": 0.15049839641698826,
  "fd_num": 76,
  "fd_perc": 15.261044176706827,
  "fwhm_avg": 2.923951666666667,
  "fwhm_x": 2.7838,
  "fwhm_y": 3.04602,
  "fwhm_z": 2.942035,
  "gcor": 0.00969481,
  "gsr_x": -0.002145808655768633,
  "gsr_y": 0.04441690817475319,
  "provenance": {
    "md5sum": "aa7aabea347e885a892e59be95fc3b7b",
    "settings": {
      "fd_thres": 0.2,
      "testing": false
    },
    "software": "mriqc",
    "version": "22.0.0rc1",
    "webapi_port": null,
    "webapi_url": "https://mriqc.nimh.nih.gov/api/v1"
  },
  "size_t": 498,
  "size_x": 96,
  "size_y": 96,
  "size_z": 60,
  "snr": 2.1843293492199045,
  "spacing_tr": 1.5,
  "spacing_x": 2.0,
  "spacing_y": 2.0,
  "spacing_z": 2.0,
  "summary_bg_k": 75.13325102596774,
  "summary_bg_mad": 6.981327281977372,
  "summary_bg_mean": 38.36994171142578,
  "summary_bg_median": 25.596384048461914,
  "summary_bg_n": 309784.0,
  "summary_bg_p05": 19.236948013305664,
  "summary_bg_p95": 99.01977195739741,
  "summary_bg_stdv": 42.34328842163086,
  "summary_fg_k": 4.245078720843261,
  "summary_fg_mad": 178.59103814700345,
  "summary_fg_mean": 513.2470703125,
  "summary_fg_median": 470.57025146484375,
  "summary_fg_n": 153885.0,
  "summary_fg_p05": 253.3156494140625,
  "summary_fg_p95": 914.8810913085933,
  "summary_fg_stdv": 215.42938232421875,
  "tsnr": 34.73856236500433
}