{
  "aor": 0.0004144736842105263,
  "aqi": 0.010048098805668017,
  "bids_meta": {
    "CogAtlasID": "https://www.cognitiveatlas.org/task/id/trm_4c8991fadfe01",
    "DeviceSerialNumber": "66018",
    "DwellTime": 4.2e-06,
    "EchoTime": 0.039,
    "EffectiveEchoSpacing": 0.000929976,
    "FlipAngle": 50,
    "InstitutionAddress": "Washington Rd, Princeton, NJ 08540, USA",
    "InstitutionName": "Princeton University",
    "InstitutionalDepartmentName": "Princeton Neuroscience Institute",
    "MagneticFieldStrength": 3,
    "Manufacturer": "Siemens",
    "ManufacturersModelName": "Prisma",
    "NumberOfVolumesDiscardedByScanner": 3,
    "ParallelReductionType": "GRAPPA",
    "PartialFourier": 0.75,
    "PhaseEncodingDirection": "j-",
    "PixelBandwidth": 1240,
    "PulseSequenceDetails": "%CustomerSeq%_ep2d_bold_sms_mgh_v22",
    "PulseSequenceType": "Gradient Echo EPI",
    "ReceiveCoilActiveElements": "HC1-7;NC1,2",
    "ReceiveCoilName": "HeadNeck_64",
    "RepetitionTime": 1.5,
    "ScanOptions": "PFP_FS",
    "ScanningSequence": "EP",
    "SequenceName": "epfSM2d1_96",
    "SequenceVariant": "SK",
    "SliceTiming": [
      0.6925,
      0,
      0.79,
      0.1,
      0.8875,
      0.1975,
      0.9875,
      0.2975,
      1.085,
      0.395,
      1.185,
      0.495,
      1.2825,
      0.5925,
      1.3825,
      0.6925,
      0,
      0.79,
      0.1,
      0.8875,
      0.1975,
      0.9875,
      0.2975,
      1.085,
      0.395,
      1.185,
      0.495,
      1.2825,
      0.5925,
      1.3825,
      0.6925,
      0,
      0.79,
      0.1,
      0.8875,
      0.1975,
      0.9875,
      0.2975,
      1.085,
      0.395,
      1.185,
      0.495,
      1.2825,
      0.5925,
      1.3825,
      0.6925,
      0,
      0.79,
      0.1,
      0.8875,
      0.1975,
      0.9875,
      0.2975,
      1.085,
      0.395,
      1.185,
      0.495,
      1.2825,
      0.5925,
      1.3825
    ],
    "SoftwareVersions": "syngo_MR_D13D",
    "StationName": "AWP66018",
    "TaskDescription": "Passively listened to audio story 'schema'",
    "TaskName": "schema",
    "TotalReadoutTime": 0.0883478,
    "dataset": "ds002345",
    "modality": "bold",
    "run_id": 1,
    "subject_id": "196",
    "task_id": "schema"
  },
  "dummy_trs": 1,
  "dvars_nstd": 35.884365515294135,
  "dvars_std": 1.0285732418458429,
  "dvars_vstd": 0.9498933250709936,
  "efc": 0.5809782725151216,
  "fber": 331.33306884765625,
  "fd_mean": 0.13645338842486085,
  "fd_num": 62,
  "fd_perc": 12.550607287449393,
  "fwhm_avg": 2.914728333333333,
  "fwhm_x": 2.767665,
  "fwhm_y": 3.04497,
  "fwhm_z": 2.93155,
  "gcor": 0.0178072,
  "gsr_x": -0.005233361851423979,
  "gsr_y": 0.0446455180644989,
  "provenance": {
    "md5sum": "5935568117f81302028c4f95eafd7622",
    "settings": {
      "fd_thres": 0.2,
      "testing": false
    },
    "software": "mriqc",
    "version": "22.0.0rc1",
    "webapi_port": null,
    "webapi_url": "https://mriqc.nimh.nih.gov/api/v1"
  },
  "size_t": 494,
  "size_x": 96,
  "size_y": 96,
  "size_z": 60,
  "snr": 2.212461375373797,
  "spacing_tr": 1.5,
  "spacing_x": 2.0,
  "spacing_y": 2.0,
  "spacing_z": 2.0,
  "summary_bg_k": 86.549144369953,
  "summary_bg_mad": 6.7167291851615945,
  "summary_bg_mean": 37.940948486328125,
  "summary_bg_median": 25.35627555847168,
  "summary_bg_n": 309943.0,
  "summary_bg_p05": 19.506072998046875,
  "summary_bg_p95": 95.5362358093261,
  "summary_bg_stdv": 42.34540557861328,
  "summary_fg_k": 4.073507878163096,
  "summary_fg_mad": 178.30544899895634,
  "summary_fg_mean": 514.6360473632812,
  "summary_fg_median": 473.7388916015625,
  "summary_fg_n": 153685.0,
  "summary_fg_p05": 254.50647888183593,
  "summary_fg_p95": 911.443359375,
  "summary_fg_stdv": 214.122314453125,
  "tsnr": 31.352394214714877
}