{
  "aor": 0.003185304054054054,
  "aqi": 0.010194760236486486,
  "bids_meta": {
    "CogAtlasID": "https://www.cognitiveatlas.org/task/id/trm_4c8991fadfe01",
    "DeviceSerialNumber": "45031",
    "DwellTime": 5.4e-06,
    "EchoTime": 0.028,
    "EffectiveEchoSpacing": 0.000390001,
    "FlipAngle": 64,
    "InstitutionAddress": "Washington Rd, Princeton, NJ 08540, USA",
    "InstitutionName": "Princeton University",
    "InstitutionalDepartmentName": "Princeton Neuroscience Institute",
    "MagneticFieldStrength": 3,
    "Manufacturer": "Siemens",
    "ManufacturersModelName": "Skyra",
    "NumberOfVolumesDiscardedByScanner": 3,
    "ParallelReductionFactorInPlane": 2,
    "ParallelReductionType": "GRAPPA",
    "PartialFourier": 1,
    "PhaseEncodingDirection": "j-",
    "PixelBandwidth": 1445,
    "PulseSequenceDetails": "%SiemensSeq%_ep2d_bold",
    "PulseSequenceType": "Gradient Echo EPI",
    "ReceiveCoilActiveElements": "HE1-4",
    "ReceiveCoilName": "HeadNeck_20",
    "RepetitionTime": 1.5,
    "ScanOptions": "FS",
    "ScanningSequence": "EP",
    "SequenceName": "_epfid2d1_64",
    "SequenceVariant": "SK",
    "SliceTiming": [
      0,
      0.7775,
      0.055,
      0.8325,
      0.11,
      0.8875,
      0.165,
      0.9425,
      0.22,
      0.9975,
      0.2775,
      1.055,
      0.3325,
      1.11,
      0.3875,
      1.165,
      0.4425,
      1.22,
      0.5,
      1.2775,
      0.555,
      1.3325,
      0.61,
      1.3875,
      0.665,
      1.4425,
      0.72
    ],
    "SoftwareVersions": "syngo_MR_D11",
    "StationName": "AWP45031",
    "TaskDescription": "Passively listened to audio story 'milkyway'",
    "TaskName": "milkyway",
    "TotalReadoutTime": 0.0245701,
    "dataset": "ds002345",
    "modality": "bold",
    "subject_id": "106",
    "task_id": "milkyway"
  },
  "dummy_trs": 1,
  "dvars_nstd": 21.876904400067797,
  "dvars_std": 1.1830535083050853,
  "dvars_vstd": 0.9965168967457617,
  "efc": 0.6510516884438248,
  "fber": 1078.0535888671875,
  "fd_mean": 0.11866863851564405,
  "fd_num": 24,
  "fd_perc": 8.108108108108109,
  "fwhm_avg": 1.8641957835036804,
  "fwhm_x": 1.78929,
  "fwhm_y": 2.1642966666666665,
  "fwhm_z": 1.639000683844375,
  "gcor": 0.0186596,
  "gsr_x": -0.01953078992664814,
  "gsr_y": 0.07527995109558105,
  "provenance": {
    "md5sum": "cf40b21b16008f53b4c1566997400ff3",
    "settings": {
      "fd_thres": 0.2,
      "testing": false
    },
    "software": "mriqc",
    "version": "22.0.0rc1",
    "webapi_port": null,
    "webapi_url": "https://mriqc.nimh.nih.gov/api/v1"
  },
  "size_t": 296,
  "size_x": 64,
  "size_y": 64,
  "size_z": 27,
  "snr": 6.635082995847965,
  "spacing_tr": 1.5,
  "spacing_x": 3.0,
  "spacing_y": 3.0,
  "spacing_z": 3.9999983310699463,
  "summary_bg_k": 9.19105986172424,
  "summary_bg_mad": 21.159638527732337,
  "summary_bg_mean": 69.09008026123047,
  "summary_bg_median": 23.841217041015625,
  "summary_bg_n": 48916.0,
  "summary_bg_p05": 7.618243217468262,
  "summary_bg_p95": 300.85304260253906,
  "summary_bg_stdv": 103.75353240966797,
  "summary_fg_k": 2.6822830268571893,
  "summary_fg_mad": 109.76260561392343,
  "summary_fg_mean": 875.9264526367188,
  "summary_fg_median": 863.1655883789062,
  "summary_fg_n": 32863.0,
  "summary_fg_p05": 702.2571105957031,
  "summary_fg_p95": 1097.3791259765624,
  "summary_fg_stdv": 130.08917236328125,
  "tsnr": 65.09633036435116
}