{
  "aor": 0.0013121688741721854,
  "aqi": 0.008771962988410596,
  "bids_meta": {
    "CogAtlasID": "https://www.cognitiveatlas.org/task/id/trm_4c8991fadfe01",
    "DeviceSerialNumber": "45031",
    "DwellTime": 5.4e-06,
    "EchoTime": 0.028,
    "EffectiveEchoSpacing": 0.000390001,
    "FlipAngle": 64,
    "InstitutionAddress": "Washington Rd, Princeton, NJ 08540, USA",
    "InstitutionName": "Princeton University",
    "InstitutionalDepartmentName": "Princeton Neuroscience Institute",
    "MagneticFieldStrength": 3,
    "Manufacturer": "Siemens",
    "ManufacturersModelName": "Skyra",
    "NumberOfVolumesDiscardedByScanner": 3,
    "ParallelReductionFactorInPlane": 2,
    "ParallelReductionType": "GRAPPA",
    "PartialFourier": 1,
    "PhaseEncodingDirection": "j-",
    "PixelBandwidth": 1445,
    "PulseSequenceDetails": "%SiemensSeq%_ep2d_bold",
    "PulseSequenceType": "Gradient Echo EPI",
    "ReceiveCoilActiveElements": "HE1-4",
    "ReceiveCoilName": "HeadNeck_20",
    "RepetitionTime": 1.5,
    "ScanOptions": "FS",
    "ScanningSequence": "EP",
    "SequenceName": "_epfid2d1_64",
    "SequenceVariant": "SK",
    "SliceTiming": [
      0,
      0.7775,
      0.055,
      0.8325,
      0.11,
      0.8875,
      0.1675,
      0.945,
      0.2225,
      1,
      0.2775,
      1.055,
      0.3325,
      1.11,
      0.3875,
      1.165,
      0.445,
      1.2225,
      0.5,
      1.2775,
      0.555,
      1.3325,
      0.61,
      1.3875,
      0.6675,
      1.445,
      0.7225
    ],
    "SoftwareVersions": "syngo_MR_D11",
    "StationName": "AWP45031",
    "TaskDescription": "Passively listened to audio story 'slumlordreach'",
    "TaskName": "slumlordreach",
    "TotalReadoutTime": 0.0245701,
    "dataset": "ds002345",
    "modality": "bold",
    "subject_id": "106",
    "task_id": "slumlordreach"
  },
  "dummy_trs": 1,
  "dvars_nstd": 22.784882506627984,
  "dvars_std": 1.2174779924937853,
  "dvars_vstd": 0.9718591600828508,
  "efc": 0.6497465151567559,
  "fber": 1106.5888671875,
  "fd_mean": 0.1008038632161646,
  "fd_num": 69,
  "fd_perc": 5.711920529801325,
  "fwhm_avg": 1.8593836761957154,
  "fwhm_x": 1.7886600000000001,
  "fwhm_y": 2.1515833333333334,
  "fwhm_z": 1.6379076952538127,
  "gcor": 0.142006,
  "gsr_x": -0.01892567053437233,
  "gsr_y": 0.07562010735273361,
  "provenance": {
    "md5sum": "bde5705128d3a704d3c870bd1aeb01a4",
    "settings": {
      "fd_thres": 0.2,
      "testing": false
    },
    "software": "mriqc",
    "version": "22.0.0rc1",
    "webapi_port": null,
    "webapi_url": "https://mriqc.nimh.nih.gov/api/v1"
  },
  "size_t": 1208,
  "size_x": 64,
  "size_y": 64,
  "size_z": 27,
  "snr": 6.655240774609157,
  "spacing_tr": 1.5,
  "spacing_x": 3.0,
  "spacing_y": 3.0,
  "spacing_z": 3.999999523162842,
  "summary_bg_k": 9.727739420894872,
  "summary_bg_mad": 20.0519498316197,
  "summary_bg_mean": 67.0067138671875,
  "summary_bg_median": 23.068708419799805,
  "summary_bg_n": 48709.0,
  "summary_bg_p05": 7.7387415885925295,
  "summary_bg_p95": 291.1312805175781,
  "summary_bg_stdv": 101.29144287109375,
  "summary_fg_k": 2.2534516146103876,
  "summary_fg_mad": 111.06390939829964,
  "summary_fg_mean": 860.2955322265625,
  "summary_fg_median": 847.3128662109375,
  "summary_fg_n": 32960.0,
  "summary_fg_p05": 687.7420989990235,
  "summary_fg_p95": 1076.3363464355468,
  "summary_fg_stdv": 127.31320190429688,
  "tsnr": 59.81043144129217
}