{
  "bids_meta": {
    "DeviceSerialNumber": "66018",
    "DwellTime": 9.8e-06,
    "EchoTime": 0.00267,
    "FlipAngle": 7,
    "InstitutionAddress": "Washington Rd, Building 25, Princeton, NJ 08540, USA",
    "InstitutionName": "Princeton University",
    "InstitutionalDepartmentName": "Princeton Neuroscience Institute",
    "InversionTime": 1.2,
    "MagneticFieldStrength": 3,
    "Manufacturer": "Siemens",
    "ManufacturersModelName": "Prisma",
    "ParallelReductionFactorInPlane": 2,
    "ParellelReductionType": "TODO",
    "PartialFourier": 1,
    "PixelBandwidth": 200,
    "PulseSequenceDetails": "%SiemensSeq%_tfl",
    "PulseSequenceType": "MPRAGE",
    "ReceiveCoilActiveElements": "HC1-7;NC1",
    "ReceiveCoilName": "HeadNeck_64",
    "RepetitionTime": 2.53,
    "ScanOptions": "IR",
    "ScanningSequence": "GR_IR",
    "SequenceName": "_tfl3d1_16",
    "SequenceVariant": "SK_SP_MP",
    "SoftwareVersions": "syngo_MR_D13D",
    "StationName": "AWP66018",
    "dataset": "ds002345",
    "modality": "T1w",
    "subject_id": "209"
  },
  "cjv": 0.37665368716315384,
  "cnr": 3.3620274941262838,
  "efc": 0.6015390813998307,
  "fber": 331.19056211644727,
  "fwhm_avg": 3.8451366666666664,
  "fwhm_x": 3.70504,
  "fwhm_y": 3.88205,
  "fwhm_z": 3.94832,
  "icvs_csf": 0.17659127070713804,
  "icvs_gm": 0.45186648903509524,
  "icvs_wm": 0.3715422402577667,
  "inu_med": 1.2486504316329956,
  "inu_range": 0.60163414478302,
  "provenance": {
    "md5sum": "2d1d2e0ec780f7e1daa33f30b6583752",
    "settings": {
      "testing": false
    },
    "software": "mriqc",
    "version": "22.0.0rc1",
    "warnings": {
      "large_rot_frame": true,
      "small_air_mask": false
    },
    "webapi_port": null,
    "webapi_url": "https://mriqc.nimh.nih.gov/api/v1"
  },
  "qi_1": 0.0,
  "qi_2": 0.002746419516953652,
  "rpve_csf": 29.30007393441071,
  "rpve_gm": 12.794339911377563,
  "rpve_wm": 17.904831744224953,
  "size_x": 176,
  "size_y": 256,
  "size_z": 256,
  "snr_csf": 2.4741245663606093,
  "snr_gm": 10.992931038166391,
  "snr_total": 10.856945240787544,
  "snr_wm": 19.10378011783563,
  "snrd_csf": 9.268110201854832,
  "snrd_gm": 20.212327468574493,
  "snrd_total": 19.30824547601104,
  "snrd_wm": 28.444298757603796,
  "spacing_x": 1.0,
  "spacing_y": 1.0,
  "spacing_z": 1.0,
  "summary_bg_k": 0.5347815958434676,
  "summary_bg_mad": 23.032256079379906,
  "summary_bg_mean": 41.41430650249089,
  "summary_bg_median": 39.30628069490194,
  "summary_bg_n": 3423740.0,
  "summary_bg_p05": 9.575465314090252,
  "summary_bg_p95": 80.88924545049667,
  "summary_bg_stdv": 22.17179729939494,
  "summary_csf_k": -0.6517000832565518,
  "summary_csf_mad": 154.6735128089392,
  "summary_csf_mean": 336.7482838839849,
  "summary_csf_median": 325.8336658626795,
  "summary_csf_n": 10061.0,
  "summary_csf_p05": 147.3818122819066,
  "summary_csf_p95": 555.778755992651,
  "summary_csf_stdv": 131.69000339906069,
  "summary_gm_k": 0.26239659062729226,
  "summary_gm_mad": 61.849549730403794,
  "summary_gm_mean": 709.6267416144846,
  "summary_gm_median": 710.5932721197605,
  "summary_gm_n": 27600.0,
  "summary_gm_p05": 601.3124372065067,
  "summary_gm_p95": 815.7292028166353,
  "summary_gm_stdv": 64.63975771971683,
  "summary_wm_k": 1.7088037569082921,
  "summary_wm_mad": 47.156558783213164,
  "summary_wm_mean": 1002.4673359229041,
  "summary_wm_median": 999.9999930113554,
  "summary_wm_n": 184341.0,
  "summary_wm_p05": 922.1909671723843,
  "summary_wm_p95": 1090.062936000526,
  "summary_wm_stdv": 52.34551876513147,
  "tpm_overlap_csf": 0.16158682107925415,
  "tpm_overlap_gm": 0.43775469064712524,
  "tpm_overlap_wm": 0.4904727339744568,
  "wm2max": 0.40176662709933736
}