{
  "aor": 0.0007948051948051949,
  "aqi": 0.004206250584415584,
  "bids_meta": {
    "CogAtlasID": "https://www.cognitiveatlas.org/task/id/trm_4c8991fadfe01",
    "DeviceSerialNumber": "66018",
    "DwellTime": 4.2e-06,
    "EchoTime": 0.039,
    "EffectiveEchoSpacing": 0.000929976,
    "FlipAngle": 50,
    "InstitutionAddress": "Washington Rd, Princeton, NJ 08540, USA",
    "InstitutionName": "Princeton University",
    "InstitutionalDepartmentName": "Princeton Neuroscience Institute",
    "MagneticFieldStrength": 3,
    "Manufacturer": "Siemens",
    "ManufacturersModelName": "Prisma",
    "NumberOfVolumesDiscardedByScanner": 3,
    "ParallelReductionType": "GRAPPA",
    "PartialFourier": 0.75,
    "PhaseEncodingDirection": "j-",
    "PixelBandwidth": 1240,
    "PulseSequenceDetails": "%CustomerSeq%_ep2d_bold_sms_mgh_v22",
    "PulseSequenceType": "Gradient Echo EPI",
    "ReceiveCoilActiveElements": "HC1-7;NC1,2",
    "ReceiveCoilName": "HeadNeck_64",
    "RepetitionTime": 1.5,
    "ScanOptions": "PFP_FS",
    "ScanningSequence": "EP",
    "SequenceName": "epfSM2d1_96",
    "SequenceVariant": "SK",
    "SliceTiming": [
      0.6925,
      0,
      0.79,
      0.1,
      0.8875,
      0.1975,
      0.9875,
      0.2975,
      1.085,
      0.395,
      1.185,
      0.495,
      1.2825,
      0.5925,
      1.3825,
      0.6925,
      0,
      0.79,
      0.1,
      0.8875,
      0.1975,
      0.9875,
      0.2975,
      1.085,
      0.395,
      1.185,
      0.495,
      1.2825,
      0.5925,
      1.3825,
      0.6925,
      0,
      0.79,
      0.1,
      0.8875,
      0.1975,
      0.9875,
      0.2975,
      1.085,
      0.395,
      1.185,
      0.495,
      1.2825,
      0.5925,
      1.3825,
      0.6925,
      0,
      0.79,
      0.1,
      0.8875,
      0.1975,
      0.9875,
      0.2975,
      1.085,
      0.395,
      1.185,
      0.495,
      1.2825,
      0.5925,
      1.3825
    ],
    "SoftwareVersions": "syngo_MR_D13D",
    "StationName": "AWP66018",
    "TaskDescription": "Passively listened to audio story 'shapessocial'",
    "TaskName": "shapessocial",
    "TotalReadoutTime": 0.0883478,
    "dataset": "ds002345",
    "modality": "bold",
    "subject_id": "210",
    "task_id": "shapessocial"
  },
  "dummy_trs": 2,
  "dvars_nstd": 33.49584815537461,
  "dvars_std": 1.09902982504886,
  "dvars_vstd": 0.9918498106188917,
  "efc": 0.5886151727940927,
  "fber": 331.5481872558594,
  "fd_mean": 0.10973421673249549,
  "fd_num": 6,
  "fd_perc": 1.948051948051948,
  "fwhm_avg": 3.1832833333333332,
  "fwhm_x": 2.973045,
  "fwhm_y": 3.36316,
  "fwhm_z": 3.213645,
  "gcor": 0.00587293,
  "gsr_x": -0.009214693680405617,
  "gsr_y": 0.04584037885069847,
  "provenance": {
    "md5sum": "5d9fad4755499842623129d4f796f11f",
    "settings": {
      "fd_thres": 0.2,
      "testing": false
    },
    "software": "mriqc",
    "version": "22.0.0rc1",
    "webapi_port": null,
    "webapi_url": "https://mriqc.nimh.nih.gov/api/v1"
  },
  "size_t": 308,
  "size_x": 96,
  "size_y": 96,
  "size_z": 60,
  "snr": 2.249964258745281,
  "spacing_tr": 1.5,
  "spacing_x": 2.0,
  "spacing_y": 2.0,
  "spacing_z": 2.0,
  "summary_bg_k": 34.136963267458654,
  "summary_bg_mad": 7.4370788329334765,
  "summary_bg_mean": 41.591407775878906,
  "summary_bg_median": 26.66883087158203,
  "summary_bg_n": 305494.0,
  "summary_bg_p05": 20.467533111572266,
  "summary_bg_p95": 114.89188270568833,
  "summary_bg_stdv": 43.704349517822266,
  "summary_fg_k": 2.283096926681795,
  "summary_fg_mad": 197.1379539247555,
  "summary_fg_mean": 541.0407104492188,
  "summary_fg_median": 501.8052062988281,
  "summary_fg_n": 158251.0,
  "summary_fg_p05": 263.6558380126953,
  "summary_fg_p95": 959.7353820800781,
  "summary_fg_stdv": 223.02737426757812,
  "tsnr": 44.85906060691923
}