{
  "aor": 0.00019525566918630503,
  "aqi": 0.010938538772787904,
  "bids_meta": {
    "CogAtlasID": "https://www.cognitiveatlas.org/task/id/trm_4c8991fadfe01",
    "DeviceSerialNumber": "45031",
    "DwellTime": 4.9e-06,
    "EchoTime": 0.028,
    "EffectiveEchoSpacing": 0.000355001,
    "FlipAngle": 64,
    "InstitutionAddress": "Washington Rd, Princeton, NJ 08540, USA",
    "InstitutionName": "Princeton University",
    "InstitutionalDepartmentName": "Princeton Neuroscience Institute",
    "MagneticFieldStrength": 3,
    "Manufacturer": "Siemens",
    "ManufacturersModelName": "Skyra",
    "NumberOfVolumesDiscardedByScanner": 3,
    "ParallelReductionFactorInPlane": 2,
    "ParallelReductionType": "GRAPPA",
    "PartialFourier": 1,
    "PhaseEncodingDirection": "j-",
    "PixelBandwidth": 1595,
    "PulseSequenceDetails": "%SiemensSeq%_ep2d_bold",
    "PulseSequenceType": "Gradient Echo EPI",
    "ReceiveCoilActiveElements": "HE1-4",
    "ReceiveCoilName": "HeadNeck_20",
    "RepetitionTime": 1.5,
    "ScanOptions": "FS",
    "ScanningSequence": "EP",
    "SequenceName": "_epfid2d1_64",
    "SequenceVariant": "SK",
    "SliceTiming": [
      0,
      0.7675,
      0.055,
      0.8225,
      0.11,
      0.8775,
      0.165,
      0.9325,
      0.22,
      0.9875,
      0.275,
      1.0425,
      0.33,
      1.0975,
      0.385,
      1.1525,
      0.44,
      1.2075,
      0.495,
      1.2625,
      0.55,
      1.315,
      0.6025,
      1.37,
      0.6575,
      1.425,
      0.7125
    ],
    "SoftwareVersions": "syngo_MR_E11",
    "StationName": "AWP45031",
    "TaskDescription": "Passively listened to audio story '21styear'",
    "TaskName": "21styear",
    "TotalReadoutTime": 0.022365,
    "dataset": "ds002345",
    "modality": "bold",
    "subject_id": "131",
    "task_id": "21styear"
  },
  "dummy_trs": 0,
  "dvars_nstd": 21.984498174991142,
  "dvars_std": 1.188449521490215,
  "dvars_vstd": 0.9774983725355871,
  "efc": 0.6378304164267258,
  "fber": 1113.05419921875,
  "fd_mean": 0.12700489348579594,
  "fd_num": 198,
  "fd_perc": 8.803912850155625,
  "fwhm_avg": 1.656774722222222,
  "fwhm_x": 1.6448433333333332,
  "fwhm_y": 1.8533633333333333,
  "fwhm_z": 1.4721175,
  "gcor": 0.0364029,
  "gsr_x": -0.011146848089993,
  "gsr_y": 0.045239001512527466,
  "provenance": {
    "md5sum": "2ebe6880c76fcc86e98cb04caddc6120",
    "settings": {
      "fd_thres": 0.2,
      "testing": false
    },
    "software": "mriqc",
    "version": "22.0.0rc1",
    "webapi_port": null,
    "webapi_url": "https://mriqc.nimh.nih.gov/api/v1"
  },
  "size_t": 2249,
  "size_x": 64,
  "size_y": 64,
  "size_z": 27,
  "snr": 6.810848195078385,
  "spacing_tr": 1.5,
  "spacing_x": 3.0,
  "spacing_y": 3.0,
  "spacing_z": 4.0,
  "summary_bg_k": 24.457445427012143,
  "summary_bg_mad": 15.859690773192707,
  "summary_bg_mean": 50.41006851196289,
  "summary_bg_median": 20.843263626098633,
  "summary_bg_n": 48942.0,
  "summary_bg_p05": 8.16678490638733,
  "summary_bg_p95": 190.14522323608398,
  "summary_bg_stdv": 79.02555084228516,
  "summary_fg_k": 3.829649932506892,
  "summary_fg_mad": 97.18591468774154,
  "summary_fg_mean": 762.1442260742188,
  "summary_fg_median": 755.3997192382812,
  "summary_fg_n": 32165.0,
  "summary_fg_p05": 612.8366577148438,
  "summary_fg_p95": 935.0111206054687,
  "summary_fg_stdv": 110.90953063964844,
  "tsnr": 60.50808588787913
}