{
  "bids_meta": {
    "DeviceSerialNumber": "45031",
    "DwellTime": 8.2e-06,
    "EchoTime": 0.00308,
    "FlipAngle": 9,
    "InstitutionAddress": "Washington Rd, Princeton, NJ 08540, USA",
    "InstitutionName": "Princeton University",
    "InstitutionalDepartmentName": "Princeton Neuroscience Institute",
    "InversionTime": 0.9,
    "MagneticFieldStrength": 3,
    "Manufacturer": "Siemens",
    "ManufacturersModelName": "Skyra",
    "ParallelReductionFactorInPlane": 2,
    "ParallelReductionType": "GRAPPA",
    "PartialFourier": 1,
    "PixelBandwidth": 240,
    "PulseSequenceDetails": "%SiemensSeq%_tfl",
    "PulseSequenceType": "MPRAGE",
    "ReceiveCoilActiveElements": "HE1-4",
    "ReceiveCoilName": "HeadNeck_20",
    "RepetitionTime": 2.3,
    "ScanOptions": "IR",
    "ScanningSequence": "GR_IR",
    "SequenceName": "_tfl3d1_16ns",
    "SequenceVariant": "SK_SP_MP",
    "SoftwareVersions": "syngo_MR_D11",
    "StationName": "AWP45031",
    "dataset": "ds002345",
    "modality": "T1w",
    "subject_id": "103"
  },
  "cjv": 0.5542957966029072,
  "cnr": 2.4395441856119082,
  "efc": 0.6933745442131609,
  "fber": 702.4106152433425,
  "fwhm_avg": 3.2760538959606986,
  "fwhm_x": 3.279099869700278,
  "fwhm_y": 3.4312494545454544,
  "fwhm_z": 3.1178123636363635,
  "icvs_csf": 0.1843923270847052,
  "icvs_gm": 0.4402370608198938,
  "icvs_wm": 0.375370612095401,
  "inu_med": 1.2467581033706665,
  "inu_range": 0.5544314861297608,
  "provenance": {
    "md5sum": "3eba08747b82488c85fc5b090c6d5747",
    "settings": {
      "testing": false
    },
    "software": "mriqc",
    "version": "22.0.0rc1",
    "warnings": {
      "large_rot_frame": true,
      "small_air_mask": false
    },
    "webapi_port": null,
    "webapi_url": "https://mriqc.nimh.nih.gov/api/v1"
  },
  "qi_1": 0.0,
  "qi_2": 0.0016051590024226557,
  "rpve_csf": 19.5424417710514,
  "rpve_gm": 8.947340649833539,
  "rpve_wm": 12.15094670936915,
  "size_x": 192,
  "size_y": 256,
  "size_z": 256,
  "snr_csf": 2.7453757062305524,
  "snr_gm": 9.140655539350478,
  "snr_total": 8.391698554596935,
  "snr_wm": 13.28906441820978,
  "snrd_csf": 20.109757617046146,
  "snrd_gm": 35.15422938874069,
  "snrd_total": 34.50231591699107,
  "snrd_wm": 48.242960745186394,
  "spacing_x": 0.9000000357627869,
  "spacing_y": 0.859375,
  "spacing_z": 0.859375,
  "summary_bg_k": 103.55264934123846,
  "summary_bg_mad": 13.579937530603516,
  "summary_bg_mean": 25.220487569050526,
  "summary_bg_median": 21.37223356962204,
  "summary_bg_n": 2206871.0,
  "summary_bg_p05": 3.05317622423172,
  "summary_bg_p95": 58.688831865787506,
  "summary_bg_stdv": 18.72717295235056,
  "summary_csf_k": 18.860972518331536,
  "summary_csf_mad": 149.88227348592028,
  "summary_csf_mean": 414.53848664313523,
  "summary_csf_median": 416.8433650583029,
  "summary_csf_n": 22175.0,
  "summary_csf_p05": 199.21974863111973,
  "summary_csf_p95": 625.9011259675026,
  "summary_csf_stdv": 151.8313012888782,
  "summary_gm_k": 0.2106386556348494,
  "summary_gm_mad": 76.95297934008659,
  "summary_gm_mean": 730.8812889376968,
  "summary_gm_median": 728.6913921833038,
  "summary_gm_n": 34757.0,
  "summary_gm_p05": 604.104840144515,
  "summary_gm_p95": 867.6278724759815,
  "summary_gm_stdv": 79.71867075772813,
  "summary_wm_k": 0.22883664889218291,
  "summary_wm_mad": 73.43225479511531,
  "summary_wm_mean": 999.7746051166665,
  "summary_wm_median": 1000.0000238865614,
  "summary_wm_n": 329030.0,
  "summary_wm_p05": 875.752713650465,
  "summary_wm_p95": 1122.5511251091957,
  "summary_wm_stdv": 75.24972961202728,
  "tpm_overlap_csf": 0.16139376163482666,
  "tpm_overlap_gm": 0.44506797194480896,
  "tpm_overlap_wm": 0.48782405257225037,
  "wm2max": 0.42133285688761835
}