{
  "bids_meta": {
    "DeviceSerialNumber": "45031",
    "DwellTime": 8.2e-06,
    "EchoTime": 0.00308,
    "FlipAngle": 9,
    "InstitutionAddress": "Washington Rd, Princeton, NJ 08540, USA",
    "InstitutionName": "Princeton University",
    "InstitutionalDepartmentName": "Princeton Neuroscience Institute",
    "InversionTime": 0.9,
    "MagneticFieldStrength": 3,
    "Manufacturer": "Siemens",
    "ManufacturersModelName": "Skyra",
    "ParallelReductionFactorInPlane": 2,
    "ParallelReductionType": "GRAPPA",
    "PartialFourier": 1,
    "PixelBandwidth": 240,
    "PulseSequenceDetails": "%SiemensSeq%_tfl",
    "PulseSequenceType": "MPRAGE",
    "ReceiveCoilActiveElements": "HE1-4",
    "ReceiveCoilName": "HeadNeck_20",
    "RepetitionTime": 2.3,
    "ScanOptions": "IR",
    "ScanningSequence": "GR_IR",
    "SequenceName": "_tfl3d1_16ns",
    "SequenceVariant": "SK_SP_MP",
    "SoftwareVersions": "syngo_MR_D11",
    "StationName": "AWP45031",
    "dataset": "ds002345",
    "modality": "T1w",
    "subject_id": "037"
  },
  "cjv": 0.45207470961536245,
  "cnr": 2.9024114264075247,
  "efc": 0.6737293977375876,
  "fber": 875.4223511697735,
  "fwhm_avg": 3.285837586770647,
  "fwhm_x": 3.3292220899308225,
  "fwhm_y": 3.4416986703811183,
  "fwhm_z": 3.086592,
  "icvs_csf": 0.18183110236390895,
  "icvs_gm": 0.4308198674356381,
  "icvs_wm": 0.38734903020045297,
  "inu_med": 1.2878243923187256,
  "inu_range": 0.4736664295196533,
  "provenance": {
    "md5sum": "b2d89fbafb824a8d0bbdf0a8c6c6799e",
    "settings": {
      "testing": false
    },
    "software": "mriqc",
    "version": "21.0.0rc2",
    "warnings": {
      "large_rot_frame": true,
      "small_air_mask": false
    },
    "webapi_port": null,
    "webapi_url": "https://mriqc.nimh.nih.gov/api/v1"
  },
  "qi_1": 4.6477737163898495e-05,
  "qi_2": 0.002725108584642464,
  "rpve_csf": 20.735493253508025,
  "rpve_gm": 9.80636898399541,
  "rpve_wm": 12.897257073867571,
  "size_x": 192,
  "size_y": 256,
  "size_z": 256,
  "snr_csf": 2.7757965521139516,
  "snr_gm": 9.994943683708073,
  "snr_total": 9.654010571994814,
  "snr_wm": 16.191291480162416,
  "snrd_csf": 20.729385597313364,
  "snrd_gm": 38.26000918394906,
  "snrd_total": 37.371029684649066,
  "snrd_wm": 53.12369427268478,
  "spacing_x": 0.9000000357627869,
  "spacing_y": 0.8593750596046448,
  "spacing_z": 0.859375,
  "summary_bg_k": 337.1085418779704,
  "summary_bg_mad": 12.333190090265436,
  "summary_bg_mean": 22.77485619596798,
  "summary_bg_median": 19.36101336032152,
  "summary_bg_n": 2418030.0,
  "summary_bg_p05": 5.447585508227348,
  "summary_bg_p95": 49.54358171671629,
  "summary_bg_stdv": 16.928195904841715,
  "summary_csf_k": 2.3097622647221954,
  "summary_csf_mad": 166.11606475561055,
  "summary_csf_mean": 397.5071818995397,
  "summary_csf_median": 390.2385240420699,
  "summary_csf_n": 18381.0,
  "summary_csf_p05": 196.40754237771034,
  "summary_csf_p95": 615.9452425315976,
  "summary_csf_stdv": 140.58231621167113,
  "summary_gm_k": 0.4959609784158192,
  "summary_gm_mad": 67.23225748321688,
  "summary_gm_mean": 722.3217137976409,
  "summary_gm_median": 720.2591434121132,
  "summary_gm_n": 30854.0,
  "summary_gm_p05": 606.3493942748755,
  "summary_gm_p95": 844.5966018363833,
  "summary_gm_stdv": 72.06118353993152,
  "summary_wm_k": 0.3372044139678638,
  "summary_wm_mad": 59.26479839835515,
  "summary_wm_mean": 998.8502373295358,
  "summary_wm_median": 1000.0736368820071,
  "summary_wm_n": 349501.0,
  "summary_wm_p05": 895.3916558995843,
  "summary_wm_p95": 1098.3510240912437,
  "summary_wm_stdv": 61.76605537549961,
  "tpm_overlap_csf": 0.16169454157352448,
  "tpm_overlap_gm": 0.4374426603317261,
  "tpm_overlap_wm": 0.5022484660148621,
  "wm2max": 0.47491697255724524
}