{
  "aor": 0.001461645569620253,
  "aqi": 0.0036815308227848105,
  "bids_meta": {
    "CogAtlasID": "https://www.cognitiveatlas.org/task/id/trm_4c8991fadfe01",
    "DeviceSerialNumber": "66018",
    "DwellTime": 4.2e-06,
    "EchoTime": 0.039,
    "EffectiveEchoSpacing": 0.000929976,
    "FlipAngle": 50,
    "InstitutionAddress": "Washington Rd, Princeton, NJ 08540, USA",
    "InstitutionName": "Princeton University",
    "InstitutionalDepartmentName": "Princeton Neuroscience Institute",
    "MagneticFieldStrength": 3,
    "Manufacturer": "Siemens",
    "ManufacturersModelName": "Prisma",
    "NumberOfVolumesDiscardedByScanner": 3,
    "ParallelReductionType": "GRAPPA",
    "PartialFourier": 0.75,
    "PhaseEncodingDirection": "j-",
    "PixelBandwidth": 1240,
    "PulseSequenceDetails": "%CustomerSeq%_ep2d_bold_sms_mgh_v22",
    "PulseSequenceType": "Gradient Echo EPI",
    "ReceiveCoilActiveElements": "HC1-7;NC1,2",
    "ReceiveCoilName": "HeadNeck_64",
    "RepetitionTime": 1.5,
    "ScanOptions": "PFP_FS",
    "ScanningSequence": "EP",
    "SequenceName": "epfSM2d1_96",
    "SequenceVariant": "SK",
    "SliceTiming": [
      0.6925,
      0,
      0.79,
      0.1,
      0.8875,
      0.1975,
      0.9875,
      0.2975,
      1.085,
      0.395,
      1.185,
      0.495,
      1.2825,
      0.5925,
      1.3825,
      0.6925,
      0,
      0.79,
      0.1,
      0.8875,
      0.1975,
      0.9875,
      0.2975,
      1.085,
      0.395,
      1.185,
      0.495,
      1.2825,
      0.5925,
      1.3825,
      0.6925,
      0,
      0.79,
      0.1,
      0.8875,
      0.1975,
      0.9875,
      0.2975,
      1.085,
      0.395,
      1.185,
      0.495,
      1.2825,
      0.5925,
      1.3825,
      0.6925,
      0,
      0.79,
      0.1,
      0.8875,
      0.1975,
      0.9875,
      0.2975,
      1.085,
      0.395,
      1.185,
      0.495,
      1.2825,
      0.5925,
      1.3825
    ],
    "SoftwareVersions": "syngo_MR_D13D",
    "StationName": "AWP66018",
    "TaskDescription": "Passively listened to audio story 'shapesphysical'",
    "TaskName": "shapesphysical",
    "TotalReadoutTime": 0.0883478,
    "dataset": "ds002345",
    "modality": "bold",
    "subject_id": "234",
    "task_id": "shapesphysical"
  },
  "dummy_trs": 1,
  "dvars_nstd": 35.80998537603173,
  "dvars_std": 1.2290647383809516,
  "dvars_vstd": 1.0108817477777778,
  "efc": 0.6029680601809139,
  "fber": 231.0802764892578,
  "fd_mean": 0.058435057254846025,
  "fd_num": 4,
  "fd_perc": 1.2658227848101267,
  "fwhm_avg": 3.0295650000000003,
  "fwhm_x": 2.765685,
  "fwhm_y": 3.16157,
  "fwhm_z": 3.16144,
  "gcor": 0.010873,
  "gsr_x": 0.01700107380747795,
  "gsr_y": 0.0530417263507843,
  "provenance": {
    "md5sum": "9e4ade63a93399d4c07d82654bda68ab",
    "settings": {
      "fd_thres": 0.2,
      "testing": false
    },
    "software": "mriqc",
    "version": "22.0.0rc1",
    "webapi_port": null,
    "webapi_url": "https://mriqc.nimh.nih.gov/api/v1"
  },
  "size_t": 316,
  "size_x": 96,
  "size_y": 96,
  "size_z": 60,
  "snr": 1.819073913177736,
  "spacing_tr": 1.5,
  "spacing_x": 2.0,
  "spacing_y": 2.0,
  "spacing_z": 2.0,
  "summary_bg_k": 35.018554659192255,
  "summary_bg_mad": 12.123557954430986,
  "summary_bg_mean": 57.86781311035156,
  "summary_bg_median": 30.927215576171875,
  "summary_bg_n": 293676.0,
  "summary_bg_p05": 21.003164291381836,
  "summary_bg_p95": 193.9525375366211,
  "summary_bg_stdv": 75.3073501586914,
  "summary_fg_k": 5.828773220468403,
  "summary_fg_mad": 212.08484927346927,
  "summary_fg_mean": 544.0481567382812,
  "summary_fg_median": 488.39715576171875,
  "summary_fg_n": 167556.0,
  "summary_fg_p05": 239.9019012451172,
  "summary_fg_p95": 1037.8710327148438,
  "summary_fg_stdv": 268.48590087890625,
  "tsnr": 45.56449603708461
}