{
  "aor": 0.0004924631578947368,
  "aqi": 0.006646482463157895,
  "bids_meta": {
    "CogAtlasID": "https://www.cognitiveatlas.org/task/id/trm_4c8991fadfe01",
    "DeviceSerialNumber": "45031",
    "DwellTime": 5.4e-06,
    "EchoTime": 0.028,
    "EffectiveEchoSpacing": 0.000390001,
    "FlipAngle": 64,
    "InstitutionAddress": "Washington Rd, Princeton, NJ 08540, USA",
    "InstitutionName": "Princeton University",
    "InstitutionalDepartmentName": "Princeton Neuroscience Institute",
    "MagneticFieldStrength": 3,
    "Manufacturer": "Siemens",
    "ManufacturersModelName": "Skyra",
    "NumberOfVolumesDiscardedByScanner": 3,
    "ParallelReductionFactorInPlane": 2,
    "ParallelReductionType": "GRAPPA",
    "PartialFourier": 1,
    "PhaseEncodingDirection": "j-",
    "PixelBandwidth": 1445,
    "PulseSequenceDetails": "%SiemensSeq%_ep2d_bold",
    "PulseSequenceType": "Gradient Echo EPI",
    "ReceiveCoilActiveElements": "HE1-4",
    "ReceiveCoilName": "HeadNeck_20",
    "RepetitionTime": 1.5,
    "ScanOptions": "FS",
    "ScanningSequence": "EP",
    "SequenceName": "_epfid2d1_64",
    "SequenceVariant": "SK",
    "SliceTiming": [
      0,
      0.7775,
      0.055,
      0.8325,
      0.11,
      0.8875,
      0.165,
      0.9425,
      0.22,
      0.9975,
      0.2775,
      1.055,
      0.3325,
      1.11,
      0.3875,
      1.165,
      0.4425,
      1.22,
      0.5,
      1.2775,
      0.555,
      1.3325,
      0.61,
      1.3875,
      0.665,
      1.4425,
      0.72
    ],
    "SoftwareVersions": "syngo_MR_D11",
    "StationName": "AWP45031",
    "TaskDescription": "Passively listened to audio story 'prettymouth'",
    "TaskName": "prettymouth",
    "TotalReadoutTime": 0.0245701,
    "dataset": "ds002345",
    "modality": "bold",
    "subject_id": "084",
    "task_id": "prettymouth"
  },
  "dummy_trs": 0,
  "dvars_nstd": 24.17998732405063,
  "dvars_std": 1.2966758785021086,
  "dvars_vstd": 0.9938175667299582,
  "efc": 0.6077124381681828,
  "fber": 1490.53564453125,
  "fd_mean": 0.1450397589850938,
  "fd_num": 61,
  "fd_perc": 12.842105263157896,
  "fwhm_avg": 1.8139287428630373,
  "fwhm_x": 1.7958933333333331,
  "fwhm_y": 1.9880699999999998,
  "fwhm_z": 1.657822895255779,
  "gcor": 0.0213958,
  "gsr_x": -0.003933155909180641,
  "gsr_y": 0.02069353684782982,
  "provenance": {
    "md5sum": "860b7858aa918bbd65ab5c8f188b46c5",
    "settings": {
      "fd_thres": 0.2,
      "testing": false
    },
    "software": "mriqc",
    "version": "21.0.0rc2",
    "webapi_port": null,
    "webapi_url": "https://mriqc.nimh.nih.gov/api/v1"
  },
  "size_t": 475,
  "size_x": 64,
  "size_y": 64,
  "size_z": 27,
  "snr": 7.044731121470712,
  "spacing_tr": 1.5,
  "spacing_x": 3.0,
  "spacing_y": 3.0,
  "spacing_z": 3.9999990463256836,
  "summary_bg_k": 20.477058266282942,
  "summary_bg_mad": 14.076917653214934,
  "summary_bg_mean": 41.97755432128906,
  "summary_bg_median": 18.576841354370117,
  "summary_bg_n": 52807.0,
  "summary_bg_p05": 7.063789129257202,
  "summary_bg_p95": 153.62841186523391,
  "summary_bg_stdv": 66.7943344116211,
  "summary_fg_k": 1.709492743976865,
  "summary_fg_mad": 102.31670109448949,
  "summary_fg_mean": 754.08544921875,
  "summary_fg_median": 749.097900390625,
  "summary_fg_n": 29598.0,
  "summary_fg_p05": 599.4136810302734,
  "summary_fg_p95": 927.393325805664,
  "summary_fg_stdv": 106.33269500732422,
  "tsnr": 74.75420484133065
}