{
  "aor": 0.00031368595041322313,
  "aqi": 0.006802265099173554,
  "bids_meta": {
    "CogAtlasID": "https://www.cognitiveatlas.org/task/id/trm_4c8991fadfe01",
    "DeviceSerialNumber": "45031",
    "DwellTime": 5.4e-06,
    "EchoTime": 0.028,
    "EffectiveEchoSpacing": 0.000390001,
    "FlipAngle": 64,
    "InstitutionAddress": "Washington Rd, Princeton, NJ 08540, USA",
    "InstitutionName": "Princeton University",
    "InstitutionalDepartmentName": "Princeton Neuroscience Institute",
    "MagneticFieldStrength": 3,
    "Manufacturer": "Siemens",
    "ManufacturersModelName": "Skyra",
    "NumberOfVolumesDiscardedByScanner": 3,
    "ParallelReductionFactorInPlane": 2,
    "ParallelReductionType": "GRAPPA",
    "PartialFourier": 1,
    "PhaseEncodingDirection": "j-",
    "PixelBandwidth": 1445,
    "PulseSequenceDetails": "%SiemensSeq%_ep2d_bold",
    "PulseSequenceType": "Gradient Echo EPI",
    "ReceiveCoilActiveElements": "HE1-4",
    "ReceiveCoilName": "HeadNeck_20",
    "RepetitionTime": 1.5,
    "ScanOptions": "FS",
    "ScanningSequence": "EP",
    "SequenceName": "_epfid2d1_64",
    "SequenceVariant": "SK",
    "SliceTiming": [
      0,
      0.7775,
      0.055,
      0.8325,
      0.11,
      0.8875,
      0.1675,
      0.945,
      0.2225,
      1,
      0.2775,
      1.055,
      0.3325,
      1.11,
      0.3875,
      1.165,
      0.445,
      1.2225,
      0.5,
      1.2775,
      0.555,
      1.3325,
      0.61,
      1.3875,
      0.6675,
      1.445,
      0.7225
    ],
    "SoftwareVersions": "syngo_MR_D11",
    "StationName": "AWP45031",
    "TaskDescription": "Passively listened to audio story 'slumlordreach'",
    "TaskName": "slumlordreach",
    "TotalReadoutTime": 0.0245701,
    "dataset": "ds002345",
    "modality": "bold",
    "subject_id": "084",
    "task_id": "slumlordreach"
  },
  "dummy_trs": 0,
  "dvars_nstd": 22.84991010038048,
  "dvars_std": 1.2469088519024005,
  "dvars_vstd": 0.9763640726881732,
  "efc": 0.6039555214830914,
  "fber": 1715.2833251953125,
  "fd_mean": 0.15724891015392226,
  "fd_num": 317,
  "fd_perc": 26.198347107438018,
  "fwhm_avg": 1.772906111111111,
  "fwhm_x": 1.7762933333333333,
  "fwhm_y": 1.94459,
  "fwhm_z": 1.597835,
  "gcor": 0.118642,
  "gsr_x": -0.0031470591202378273,
  "gsr_y": 0.019552260637283325,
  "provenance": {
    "md5sum": "b51456b9aa75c852d5ea463a49b4ff52",
    "settings": {
      "fd_thres": 0.2,
      "testing": false
    },
    "software": "mriqc",
    "version": "21.0.0rc2",
    "webapi_port": null,
    "webapi_url": "https://mriqc.nimh.nih.gov/api/v1"
  },
  "size_t": 1210,
  "size_x": 64,
  "size_y": 64,
  "size_z": 27,
  "snr": 6.823363828016566,
  "spacing_tr": 1.5,
  "spacing_x": 3.0,
  "spacing_y": 3.0,
  "spacing_z": 4.0,
  "summary_bg_k": 23.811888352914497,
  "summary_bg_mad": 13.508834427250424,
  "summary_bg_mean": 41.224525451660156,
  "summary_bg_median": 17.91570281982422,
  "summary_bg_n": 52591.0,
  "summary_bg_p05": 6.705372095108032,
  "summary_bg_p95": 153.8173599243164,
  "summary_bg_stdv": 69.84164428710938,
  "summary_fg_k": 1.835821436005678,
  "summary_fg_mad": 109.22613056189643,
  "summary_fg_mean": 783.9273071289062,
  "summary_fg_median": 776.5863647460938,
  "summary_fg_n": 29530.0,
  "summary_fg_p05": 621.6811889648437,
  "summary_fg_p95": 971.962255859375,
  "summary_fg_stdv": 113.81090545654297,
  "tsnr": 65.86933318362571
}