{
  "aor": 0.0004185657370517928,
  "aqi": 0.005992097709163346,
  "bids_meta": {
    "CogAtlasID": "https://www.cognitiveatlas.org/task/id/trm_4c8991fadfe01",
    "DeviceSerialNumber": "66018",
    "DwellTime": 4.2e-06,
    "EchoTime": 0.039,
    "EffectiveEchoSpacing": 0.000929976,
    "FlipAngle": 50,
    "InstitutionAddress": "Washington Rd, Princeton, NJ 08540, USA",
    "InstitutionName": "Princeton University",
    "InstitutionalDepartmentName": "Princeton Neuroscience Institute",
    "MagneticFieldStrength": 3,
    "Manufacturer": "Siemens",
    "ManufacturersModelName": "Prisma",
    "NumberOfVolumesDiscardedByScanner": 3,
    "ParallelReductionType": "GRAPPA",
    "PartialFourier": 0.75,
    "PhaseEncodingDirection": "j-",
    "PixelBandwidth": 1240,
    "PulseSequenceDetails": "%CustomerSeq%_ep2d_bold_sms_mgh_v22",
    "PulseSequenceType": "Gradient Echo EPI",
    "ReceiveCoilActiveElements": "HC1-7;NC1,2",
    "ReceiveCoilName": "HeadNeck_64",
    "RepetitionTime": 1.5,
    "ScanOptions": "PFP_FS",
    "ScanningSequence": "EP",
    "SequenceName": "epfSM2d1_96",
    "SequenceVariant": "SK",
    "SliceTiming": [
      0.6925,
      0,
      0.79,
      0.1,
      0.8875,
      0.1975,
      0.9875,
      0.2975,
      1.085,
      0.395,
      1.185,
      0.495,
      1.2825,
      0.5925,
      1.3825,
      0.6925,
      0,
      0.79,
      0.1,
      0.8875,
      0.1975,
      0.9875,
      0.2975,
      1.085,
      0.395,
      1.185,
      0.495,
      1.2825,
      0.5925,
      1.3825,
      0.6925,
      0,
      0.79,
      0.1,
      0.8875,
      0.1975,
      0.9875,
      0.2975,
      1.085,
      0.395,
      1.185,
      0.495,
      1.2825,
      0.5925,
      1.3825,
      0.6925,
      0,
      0.79,
      0.1,
      0.8875,
      0.1975,
      0.9875,
      0.2975,
      1.085,
      0.395,
      1.185,
      0.495,
      1.2825,
      0.5925,
      1.3825
    ],
    "SoftwareVersions": "syngo_MR_D13D",
    "StationName": "AWP66018",
    "TaskDescription": "Passively listened to audio story 'schema'",
    "TaskName": "schema",
    "TotalReadoutTime": 0.0883478,
    "dataset": "ds002345",
    "modality": "bold",
    "run_id": 1,
    "subject_id": "185",
    "task_id": "schema"
  },
  "dummy_trs": 1,
  "dvars_nstd": 35.08909581437129,
  "dvars_std": 1.0845781140119757,
  "dvars_vstd": 0.9770424379840318,
  "efc": 0.6072781026599795,
  "fber": 294.18328857421875,
  "fd_mean": 0.1165130406658871,
  "fd_num": 10,
  "fd_perc": 1.9920318725099602,
  "fwhm_avg": 2.986193333333334,
  "fwhm_x": 2.79967,
  "fwhm_y": 3.13702,
  "fwhm_z": 3.02189,
  "gcor": 0.00838916,
  "gsr_x": -0.0049295574426651,
  "gsr_y": 0.07258224487304688,
  "provenance": {
    "md5sum": "261494a607646cc0aa6fe1d8828029db",
    "settings": {
      "fd_thres": 0.2,
      "testing": false
    },
    "software": "mriqc",
    "version": "22.0.0rc1",
    "webapi_port": null,
    "webapi_url": "https://mriqc.nimh.nih.gov/api/v1"
  },
  "size_t": 502,
  "size_x": 96,
  "size_y": 96,
  "size_z": 60,
  "snr": 2.0168098045992426,
  "spacing_tr": 1.5,
  "spacing_x": 2.0,
  "spacing_y": 2.0,
  "spacing_z": 2.0,
  "summary_bg_k": 24.721943350124043,
  "summary_bg_mad": 10.852234922466803,
  "summary_bg_mean": 55.0902214050293,
  "summary_bg_median": 28.73705291748047,
  "summary_bg_n": 292012.0,
  "summary_bg_p05": 19.637451171875,
  "summary_bg_p95": 186.45468750000012,
  "summary_bg_stdv": 68.82254791259766,
  "summary_fg_k": 4.319811226156062,
  "summary_fg_mad": 208.85489120848,
  "summary_fg_mean": 563.46923828125,
  "summary_fg_median": 512.8924560546875,
  "summary_fg_n": 167675.0,
  "summary_fg_p05": 268.4697174072266,
  "summary_fg_p95": 1040.4687499999998,
  "summary_fg_stdv": 254.3080291748047,
  "tsnr": 39.74631751840934
}