{
  "aor": 0.0007258181818181816,
  "aqi": 0.004554026181818182,
  "bids_meta": {
    "CogAtlasID": "https://www.cognitiveatlas.org/task/id/trm_4c8991fadfe01",
    "DeviceSerialNumber": "66018",
    "DwellTime": 4.2e-06,
    "EchoTime": 0.039,
    "EffectiveEchoSpacing": 0.000929976,
    "FlipAngle": 50,
    "InstitutionAddress": "Washington Rd, Princeton, NJ 08540, USA",
    "InstitutionName": "Princeton University",
    "InstitutionalDepartmentName": "Princeton Neuroscience Institute",
    "MagneticFieldStrength": 3,
    "Manufacturer": "Siemens",
    "ManufacturersModelName": "Prisma",
    "NumberOfVolumesDiscardedByScanner": 3,
    "ParallelReductionType": "GRAPPA",
    "PartialFourier": 0.75,
    "PhaseEncodingDirection": "j-",
    "PixelBandwidth": 1240,
    "PulseSequenceDetails": "%CustomerSeq%_ep2d_bold_sms_mgh_v22",
    "PulseSequenceType": "Gradient Echo EPI",
    "ReceiveCoilActiveElements": "HC1-7;NC1,2",
    "ReceiveCoilName": "HeadNeck_64",
    "RepetitionTime": 1.5,
    "ScanOptions": "PFP_FS",
    "ScanningSequence": "EP",
    "SequenceName": "epfSM2d1_96",
    "SequenceVariant": "SK",
    "SliceTiming": [
      0.6925,
      0,
      0.79,
      0.1,
      0.8875,
      0.1975,
      0.9875,
      0.2975,
      1.085,
      0.395,
      1.185,
      0.495,
      1.2825,
      0.5925,
      1.3825,
      0.6925,
      0,
      0.79,
      0.1,
      0.8875,
      0.1975,
      0.9875,
      0.2975,
      1.085,
      0.395,
      1.185,
      0.495,
      1.2825,
      0.5925,
      1.3825,
      0.6925,
      0,
      0.79,
      0.1,
      0.8875,
      0.1975,
      0.9875,
      0.2975,
      1.085,
      0.395,
      1.185,
      0.495,
      1.2825,
      0.5925,
      1.3825,
      0.6925,
      0,
      0.79,
      0.1,
      0.8875,
      0.1975,
      0.9875,
      0.2975,
      1.085,
      0.395,
      1.185,
      0.495,
      1.2825,
      0.5925,
      1.3825
    ],
    "SoftwareVersions": "syngo_MR_D13D",
    "StationName": "AWP66018",
    "TaskDescription": "Passively listened to audio story 'schema'",
    "TaskName": "schema",
    "TotalReadoutTime": 0.0883478,
    "dataset": "ds002345",
    "modality": "bold",
    "run_id": 4,
    "subject_id": "185",
    "task_id": "schema"
  },
  "dummy_trs": 0,
  "dvars_nstd": 34.09828945526315,
  "dvars_std": 1.1199359705465604,
  "dvars_vstd": 1.0057044208906878,
  "efc": 0.6109418423662147,
  "fber": 272.3542785644531,
  "fd_mean": 0.09970447414686523,
  "fd_num": 6,
  "fd_perc": 1.2121212121212122,
  "fwhm_avg": 2.99021,
  "fwhm_x": 2.82132,
  "fwhm_y": 3.138395,
  "fwhm_z": 3.010915,
  "gcor": 0.0133801,
  "gsr_x": -0.0022818115539848804,
  "gsr_y": 0.07012435048818588,
  "provenance": {
    "md5sum": "fc14aec3a21ab299027126e3977b063d",
    "settings": {
      "fd_thres": 0.2,
      "testing": false
    },
    "software": "mriqc",
    "version": "22.0.0rc1",
    "webapi_port": null,
    "webapi_url": "https://mriqc.nimh.nih.gov/api/v1"
  },
  "size_t": 495,
  "size_x": 96,
  "size_y": 96,
  "size_z": 60,
  "snr": 2.0009835362718205,
  "spacing_tr": 1.5,
  "spacing_x": 2.0,
  "spacing_y": 2.0,
  "spacing_z": 2.0,
  "summary_bg_k": 20.56769392123895,
  "summary_bg_mad": 10.256912534305647,
  "summary_bg_mean": 58.6119384765625,
  "summary_bg_median": 29.628284454345703,
  "summary_bg_n": 292298.0,
  "summary_bg_p05": 21.628284454345703,
  "summary_bg_p95": 201.31212768554616,
  "summary_bg_stdv": 72.9695816040039,
  "summary_fg_k": 4.391463535772533,
  "summary_fg_mad": 208.51079972069513,
  "summary_fg_mean": 562.1290283203125,
  "summary_fg_median": 510.9212341308594,
  "summary_fg_n": 167571.0,
  "summary_fg_p05": 267.12628173828125,
  "summary_fg_p95": 1043.1525268554688,
  "summary_fg_stdv": 255.33428955078125,
  "tsnr": 44.318894451716915
}