{
  "aor": 0.001616910569105691,
  "aqi": 0.0051261953252032515,
  "bids_meta": {
    "CogAtlasID": "https://www.cognitiveatlas.org/task/id/trm_4c8991fadfe01",
    "DeviceSerialNumber": "66018",
    "DwellTime": 4.2e-06,
    "EchoTime": 0.039,
    "EffectiveEchoSpacing": 0.000929976,
    "FlipAngle": 50,
    "InstitutionAddress": "Washington Rd, Princeton, NJ 08540, USA",
    "InstitutionName": "Princeton University",
    "InstitutionalDepartmentName": "Princeton Neuroscience Institute",
    "MagneticFieldStrength": 3,
    "Manufacturer": "Siemens",
    "ManufacturersModelName": "Prisma",
    "NumberOfVolumesDiscardedByScanner": 3,
    "ParallelReductionType": "GRAPPA",
    "PartialFourier": 0.75,
    "PhaseEncodingDirection": "j-",
    "PixelBandwidth": 1240,
    "PulseSequenceDetails": "%CustomerSeq%_ep2d_bold_sms_mgh_v22",
    "PulseSequenceType": "Gradient Echo EPI",
    "ReceiveCoilActiveElements": "HC1-7;NC1,2",
    "ReceiveCoilName": "HeadNeck_64",
    "RepetitionTime": 1.5,
    "ScanOptions": "PFP_FS",
    "ScanningSequence": "EP",
    "SequenceName": "epfSM2d1_96",
    "SequenceVariant": "SK",
    "SliceTiming": [
      0.6925,
      0,
      0.79,
      0.1,
      0.8875,
      0.1975,
      0.9875,
      0.2975,
      1.085,
      0.395,
      1.185,
      0.495,
      1.2825,
      0.5925,
      1.3825,
      0.6925,
      0,
      0.79,
      0.1,
      0.8875,
      0.1975,
      0.9875,
      0.2975,
      1.085,
      0.395,
      1.185,
      0.495,
      1.2825,
      0.5925,
      1.3825,
      0.6925,
      0,
      0.79,
      0.1,
      0.8875,
      0.1975,
      0.9875,
      0.2975,
      1.085,
      0.395,
      1.185,
      0.495,
      1.2825,
      0.5925,
      1.3825,
      0.6925,
      0,
      0.79,
      0.1,
      0.8875,
      0.1975,
      0.9875,
      0.2975,
      1.085,
      0.395,
      1.185,
      0.495,
      1.2825,
      0.5925,
      1.3825
    ],
    "SoftwareVersions": "syngo_MR_D13D",
    "StationName": "AWP66018",
    "TaskDescription": "Passively listened to audio story 'schema'",
    "TaskName": "schema",
    "TotalReadoutTime": 0.0883478,
    "dataset": "ds002345",
    "modality": "bold",
    "run_id": 2,
    "subject_id": "185",
    "task_id": "schema"
  },
  "dummy_trs": 1,
  "dvars_nstd": 34.87274624059064,
  "dvars_std": 1.1179921793482692,
  "dvars_vstd": 1.0091794263136462,
  "efc": 0.6087344812786172,
  "fber": 290.8985290527344,
  "fd_mean": 0.12939525946728006,
  "fd_num": 22,
  "fd_perc": 4.471544715447155,
  "fwhm_avg": 2.9883016666666666,
  "fwhm_x": 2.79364,
  "fwhm_y": 3.153145,
  "fwhm_z": 3.01812,
  "gcor": 0.00656905,
  "gsr_x": -0.007630727253854275,
  "gsr_y": 0.07254715263843536,
  "provenance": {
    "md5sum": "fe53e4ebb6d74bf862bf6212b2642f89",
    "settings": {
      "fd_thres": 0.2,
      "testing": false
    },
    "software": "mriqc",
    "version": "22.0.0rc1",
    "webapi_port": null,
    "webapi_url": "https://mriqc.nimh.nih.gov/api/v1"
  },
  "size_t": 492,
  "size_x": 96,
  "size_y": 96,
  "size_z": 60,
  "snr": 2.0044088556397988,
  "spacing_tr": 1.5,
  "spacing_x": 2.0,
  "spacing_y": 2.0,
  "spacing_z": 2.0,
  "summary_bg_k": 24.326623641497346,
  "summary_bg_mad": 9.89606609858252,
  "summary_bg_mean": 55.271305084228516,
  "summary_bg_median": 28.678861618041992,
  "summary_bg_n": 290492.0,
  "summary_bg_p05": 20.59756088256836,
  "summary_bg_p95": 185.45537643432638,
  "summary_bg_stdv": 67.98115539550781,
  "summary_fg_k": 4.181248511521568,
  "summary_fg_mad": 209.0288598831063,
  "summary_fg_mean": 560.1820068359375,
  "summary_fg_median": 510.2763977050781,
  "summary_fg_n": 168805.0,
  "summary_fg_p05": 264.0333190917969,
  "summary_fg_p95": 1037.4531738281248,
  "summary_fg_stdv": 254.5762481689453,
  "tsnr": 41.83813086501323
}