{
  "bids_meta": {
    "DeviceSerialNumber": "45031",
    "DwellTime": 8.2e-06,
    "EchoTime": 0.00308,
    "FlipAngle": 9,
    "InstitutionAddress": "Washington Rd, Princeton, NJ 08540, USA",
    "InstitutionName": "Princeton University",
    "InstitutionalDepartmentName": "Princeton Neuroscience Institute",
    "InversionTime": 0.9,
    "MagneticFieldStrength": 3,
    "Manufacturer": "Siemens",
    "ManufacturersModelName": "Skyra",
    "ParallelReductionFactorInPlane": 2,
    "ParallelReductionType": "GRAPPA",
    "PartialFourier": 1,
    "PixelBandwidth": 240,
    "PulseSequenceDetails": "%SiemensSeq%_tfl",
    "PulseSequenceType": "MPRAGE",
    "ReceiveCoilActiveElements": "HE1-4",
    "ReceiveCoilName": "HeadNeck_20",
    "RepetitionTime": 2.3,
    "ScanOptions": "IR",
    "ScanningSequence": "GR_IR",
    "SequenceName": "_tfl3d1_16ns",
    "SequenceVariant": "SK_SP_MP",
    "SoftwareVersions": "syngo_MR_D11",
    "StationName": "AWP45031",
    "dataset": "ds002345",
    "modality": "T1w",
    "run_id": 1,
    "subject_id": "023"
  },
  "cjv": 0.41063803405402355,
  "cnr": 3.2166026902952995,
  "efc": 0.5877926360079517,
  "fber": 983.152527700831,
  "fwhm_avg": 3.3623153626774354,
  "fwhm_x": 3.369855644826244,
  "fwhm_y": 3.5362441183690767,
  "fwhm_z": 3.180846324836986,
  "icvs_csf": 0.1752430764062438,
  "icvs_gm": 0.4218710372902879,
  "icvs_wm": 0.4028858863034683,
  "inu_med": 1.402158498764038,
  "inu_range": 0.4710838198661804,
  "provenance": {
    "md5sum": "125ca9454eafaedf124c388e3f73818d",
    "settings": {
      "testing": false
    },
    "software": "mriqc",
    "version": "21.0.0rc2",
    "warnings": {
      "large_rot_frame": true,
      "small_air_mask": false
    },
    "webapi_port": null,
    "webapi_url": "https://mriqc.nimh.nih.gov/api/v1"
  },
  "qi_1": 0.001375370455939335,
  "qi_2": 0.0036622940661539156,
  "rpve_csf": 24.030611595739554,
  "rpve_gm": 11.224602932691784,
  "rpve_wm": 14.427558849554455,
  "size_x": 192,
  "size_y": 256,
  "size_z": 256,
  "snr_csf": 2.5076952835585065,
  "snr_gm": 8.771278017884757,
  "snr_total": 9.93525157233574,
  "snr_wm": 18.52678141556396,
  "snrd_csf": 16.61416984379553,
  "snrd_gm": 37.66583850708018,
  "snrd_total": 36.29247515107186,
  "snrd_wm": 54.597417102339875,
  "spacing_x": 0.8999999761581421,
  "spacing_y": 0.8593750596046448,
  "spacing_z": 0.8593750596046448,
  "summary_bg_k": 393.0712980446277,
  "summary_bg_mad": 11.999402785000097,
  "summary_bg_mean": 19.677401476767397,
  "summary_bg_median": 16.585922453552485,
  "summary_bg_n": 2975666.0,
  "summary_bg_p05": 2.7358222603797913,
  "summary_bg_p95": 43.65916357189417,
  "summary_bg_stdv": 13.989643062575537,
  "summary_csf_k": 0.7845741446148664,
  "summary_csf_mad": 118.47297679274743,
  "summary_csf_mean": 329.2289188417768,
  "summary_csf_median": 304.30323017016053,
  "summary_csf_n": 11093.0,
  "summary_csf_p05": 165.23226526752114,
  "summary_csf_p95": 544.1436483301222,
  "summary_csf_stdv": 121.34230018042452,
  "summary_gm_k": 0.10439823885018118,
  "summary_gm_mad": 76.05255286267668,
  "summary_gm_mean": 691.7826570462644,
  "summary_gm_median": 689.8831799924374,
  "summary_gm_n": 34049.0,
  "summary_gm_p05": 565.3918678857386,
  "summary_gm_p95": 827.506438948959,
  "summary_gm_stdv": 78.65137187200028,
  "summary_wm_k": 0.5295095514437684,
  "summary_wm_mad": 51.29322176404971,
  "summary_wm_mean": 999.0488662199426,
  "summary_wm_median": 1000.000032465905,
  "summary_wm_n": 322850.0,
  "summary_wm_p05": 908.9769460111856,
  "summary_wm_p95": 1085.0955040231347,
  "summary_wm_stdv": 53.975834297788374,
  "tpm_overlap_csf": 0.18256191909313202,
  "tpm_overlap_gm": 0.43149682879447937,
  "tpm_overlap_wm": 0.5100789666175842,
  "wm2max": 0.48829580422678653
}