{
  "aor": 0.0007481911262798635,
  "aqi": 0.009719645938566552,
  "bids_meta": {
    "AcquisitionMatrixPE": 96,
    "BandwidthPerPixelPhaseEncode": 20.425,
    "BaseResolution": 96,
    "BodyPartExamined": "BRAIN",
    "ConsistencyInfo": "N4_VE11C_LATEST_20160120",
    "ConversionSoftware": "dcm2niix",
    "ConversionSoftwareVersion": "v1.0.20180328 GCC6.3.0",
    "DerivedVendorReportedEchoSpacing": 0.000509996,
    "DeviceSerialNumber": "66018",
    "DwellTime": 2.1e-06,
    "EchoTime": 0.031,
    "EchoTrainLength": 96,
    "EffectiveEchoSpacing": 0.000509996,
    "FlipAngle": 67,
    "ImageOrientationPatientDICOM": [
      1,
      0,
      0,
      0,
      1,
      0
    ],
    "ImageType": [
      "ORIGINAL",
      "PRIMARY",
      "M",
      "ND",
      "NORM",
      "MOSAIC"
    ],
    "InPlanePhaseEncodingDirectionDICOM": "COL",
    "InstitutionAddress": "Washington Rd, Princeton, NJ 08540, USA",
    "InstitutionName": "Princeton University",
    "InstitutionalDepartmentName": "Princeton Neuroscience Institute",
    "MRAcquisitionType": "2D",
    "MagneticFieldStrength": 3,
    "Manufacturer": "Siemens",
    "ManufacturersModelName": "Prisma",
    "Modality": "MR",
    "MultibandAccelerationFactor": 3,
    "NumberOfVolumesDiscardedByScanner": 3,
    "PartialFourier": 1,
    "PatientPosition": "HFS",
    "PercentPhaseFOV": 100,
    "PhaseEncodingDirection": "j-",
    "PhaseEncodingSteps": 96,
    "PhaseResolution": 1,
    "PixelBandwidth": 2480,
    "ProcedureStepDescription": "Hasson_Nastase_042518_Storyteller",
    "ProtocolName": "func_task-pieman",
    "PulseSequenceDetails": "%SiemensSeq%_ep2d_bold",
    "ReceiveCoilActiveElements": "HC1-7;NC1,2",
    "ReceiveCoilName": "HeadNeck_64",
    "ReconMatrixPE": 96,
    "RepetitionTime": 1.5,
    "SAR": 0.0363428,
    "ScanOptions": "FS",
    "ScanningSequence": "EP",
    "SequenceName": "_epfid2d1_96",
    "SequenceVariant": "SK",
    "SeriesDescription": "func_task-pieman",
    "SeriesNumber": 9,
    "ShimSetting": [
      755,
      514,
      2116,
      678,
      -23,
      262,
      171,
      82
    ],
    "SliceThickness": 2.5,
    "SliceTiming": [
      1.11,
      0,
      0.74,
      0.0925,
      0.8325,
      0.185,
      0.925,
      0.2775,
      1.0175,
      0.4625,
      1.2025,
      0.555,
      1.295,
      0.6475,
      1.3875,
      0.37,
      1.11,
      0,
      0.74,
      0.0925,
      0.8325,
      0.185,
      0.925,
      0.2775,
      1.0175,
      0.4625,
      1.2025,
      0.555,
      1.295,
      0.6475,
      1.3875,
      0.37,
      1.11,
      0,
      0.74,
      0.0925,
      0.8325,
      0.185,
      0.925,
      0.2775,
      1.0175,
      0.4625,
      1.2025,
      0.555,
      1.295,
      0.6475,
      1.3875,
      0.37
    ],
    "SoftwareVersions": "syngo_MR_E11",
    "SpacingBetweenSlices": 2.5,
    "StationName": "AWP66018",
    "TaskDescription": "Passively listened to audio story 'piemanpni'",
    "TaskName": "piemanpni",
    "TotalReadoutTime": 0.0484496,
    "TxRefAmp": 219.676,
    "dataset": "ds002345",
    "modality": "bold",
    "subject_id": "291",
    "task_id": "piemanpni"
  },
  "dummy_trs": 1,
  "dvars_nstd": 31.6082025880137,
  "dvars_std": 1.2737786217808216,
  "dvars_vstd": 0.9835552171917806,
  "efc": 0.48722976360876175,
  "fber": 3564.41552734375,
  "fd_mean": 0.08621317841292535,
  "fd_num": 9,
  "fd_perc": 3.0716723549488054,
  "fwhm_avg": 2.013217333333333,
  "fwhm_x": 1.910724,
  "fwhm_y": 2.163516,
  "fwhm_z": 1.965412,
  "gcor": 0.0120389,
  "gsr_x": -0.004839565604925156,
  "gsr_y": 0.02517378330230713,
  "provenance": {
    "md5sum": "4d0c437788a934acb795581aeba2bbf9",
    "settings": {
      "fd_thres": 0.2,
      "testing": false
    },
    "software": "mriqc",
    "version": "22.0.0rc1",
    "webapi_port": null,
    "webapi_url": "https://mriqc.nimh.nih.gov/api/v1"
  },
  "size_t": 293,
  "size_x": 96,
  "size_y": 96,
  "size_z": 48,
  "snr": 5.915496014894525,
  "spacing_tr": 1.5,
  "spacing_x": 2.5,
  "spacing_y": 2.5,
  "spacing_z": 2.5,
  "summary_bg_k": 26.465518660882278,
  "summary_bg_mad": 7.200486242768566,
  "summary_bg_mean": 30.405288696289062,
  "summary_bg_median": 11.924914360046387,
  "summary_bg_n": 299564.0,
  "summary_bg_p05": 5.583617687225342,
  "summary_bg_p95": 126.79077835082992,
  "summary_bg_stdv": 58.56879425048828,
  "summary_fg_k": 1.4322050170906264,
  "summary_fg_mad": 117.02431599176997,
  "summary_fg_mean": 725.80712890625,
  "summary_fg_median": 722.4334106445312,
  "summary_fg_n": 78729.0,
  "summary_fg_p05": 543.0272827148438,
  "summary_fg_p95": 924.1426269531249,
  "summary_fg_stdv": 122.12480926513672,
  "tsnr": 57.827708864584565
}