{
  "aor": 0.0021699303135888502,
  "aqi": 0.014835074477351915,
  "bids_meta": {
    "AcquisitionMatrixPE": 96,
    "BandwidthPerPixelPhaseEncode": 20.425,
    "BaseResolution": 96,
    "BodyPartExamined": "BRAIN",
    "ConsistencyInfo": "N4_VE11C_LATEST_20160120",
    "ConversionSoftware": "dcm2niix",
    "ConversionSoftwareVersion": "v1.0.20180328 GCC6.3.0",
    "DerivedVendorReportedEchoSpacing": 0.000509996,
    "DeviceSerialNumber": "66018",
    "DwellTime": 2.1e-06,
    "EchoTime": 0.031,
    "EchoTrainLength": 96,
    "EffectiveEchoSpacing": 0.000509996,
    "FlipAngle": 67,
    "ImageOrientationPatientDICOM": [
      1,
      0,
      0,
      0,
      1,
      0
    ],
    "ImageType": [
      "ORIGINAL",
      "PRIMARY",
      "M",
      "ND",
      "NORM",
      "MOSAIC"
    ],
    "InPlanePhaseEncodingDirectionDICOM": "COL",
    "InstitutionAddress": "Washington Rd, Princeton, NJ 08540, USA",
    "InstitutionName": "Princeton University",
    "InstitutionalDepartmentName": "Princeton Neuroscience Institute",
    "MRAcquisitionType": "2D",
    "MagneticFieldStrength": 3,
    "Manufacturer": "Siemens",
    "ManufacturersModelName": "Prisma",
    "Modality": "MR",
    "MultibandAccelerationFactor": 3,
    "NumberOfVolumesDiscardedByScanner": 3,
    "PartialFourier": 1,
    "PatientPosition": "HFS",
    "PercentPhaseFOV": 100,
    "PhaseEncodingDirection": "j-",
    "PhaseEncodingSteps": 96,
    "PhaseResolution": 1,
    "PixelBandwidth": 2480,
    "ProcedureStepDescription": "Hasson_Nastase_042518_Storyteller",
    "ProtocolName": "func_task-forgot",
    "PulseSequenceDetails": "%SiemensSeq%_ep2d_bold",
    "ReceiveCoilActiveElements": "HC1-7;NC1,2",
    "ReceiveCoilName": "HeadNeck_64",
    "ReconMatrixPE": 96,
    "RepetitionTime": 1.5,
    "SAR": 0.0363861,
    "ScanOptions": "FS",
    "ScanningSequence": "EP",
    "SequenceName": "_epfid2d1_96",
    "SequenceVariant": "SK",
    "SeriesDescription": "func_task-forgot",
    "SeriesNumber": 10,
    "ShimSetting": [
      755,
      514,
      2116,
      678,
      -23,
      262,
      171,
      82
    ],
    "SliceThickness": 2.5,
    "SliceTiming": [
      1.11,
      0,
      0.74,
      0.0925,
      0.8325,
      0.185,
      0.925,
      0.2775,
      1.0175,
      0.4625,
      1.2025,
      0.555,
      1.295,
      0.6475,
      1.3875,
      0.37,
      1.11,
      0,
      0.74,
      0.0925,
      0.8325,
      0.185,
      0.925,
      0.2775,
      1.0175,
      0.4625,
      1.2025,
      0.555,
      1.295,
      0.6475,
      1.3875,
      0.37,
      1.11,
      0,
      0.74,
      0.0925,
      0.8325,
      0.185,
      0.925,
      0.2775,
      1.0175,
      0.4625,
      1.2025,
      0.555,
      1.295,
      0.6475,
      1.3875,
      0.37
    ],
    "SoftwareVersions": "syngo_MR_E11",
    "SpacingBetweenSlices": 2.5,
    "StationName": "AWP66018",
    "TaskDescription": "Passively listened to audio story 'forgot'",
    "TaskName": "forgot",
    "TotalReadoutTime": 0.0484496,
    "TxRefAmp": 219.676,
    "dataset": "ds002345",
    "modality": "bold",
    "subject_id": "291",
    "task_id": "forgot"
  },
  "dummy_trs": 0,
  "dvars_nstd": 30.67215627237349,
  "dvars_std": 1.2405143827050609,
  "dvars_vstd": 0.990909613089005,
  "efc": 0.48762699232382334,
  "fber": 3595.383056640625,
  "fd_mean": 0.10339565639721963,
  "fd_num": 34,
  "fd_perc": 5.923344947735192,
  "fwhm_avg": 2.017878666666667,
  "fwhm_x": 1.930476,
  "fwhm_y": 2.202912,
  "fwhm_z": 1.9202480000000002,
  "gcor": 0.0210575,
  "gsr_x": -0.005266960244625807,
  "gsr_y": 0.023716649040579796,
  "provenance": {
    "md5sum": "23741a79c97b70698961a5fed6d326a9",
    "settings": {
      "fd_thres": 0.2,
      "testing": false
    },
    "software": "mriqc",
    "version": "22.0.0rc1",
    "webapi_port": null,
    "webapi_url": "https://mriqc.nimh.nih.gov/api/v1"
  },
  "size_t": 574,
  "size_x": 96,
  "size_y": 96,
  "size_z": 48,
  "snr": 5.946590756193765,
  "spacing_tr": 1.5,
  "spacing_x": 2.5,
  "spacing_y": 2.5,
  "spacing_z": 2.5,
  "summary_bg_k": 25.431802588916383,
  "summary_bg_mad": 7.232206116358992,
  "summary_bg_mean": 30.897167205810547,
  "summary_bg_median": 11.92682933807373,
  "summary_bg_n": 299641.0,
  "summary_bg_p05": 5.581881523132324,
  "summary_bg_p95": 130.71951293945312,
  "summary_bg_stdv": 59.18254470825195,
  "summary_fg_k": 1.529718159407249,
  "summary_fg_mad": 115.55773065514153,
  "summary_fg_mean": 726.5570068359375,
  "summary_fg_median": 722.6306762695312,
  "summary_fg_n": 78257.0,
  "summary_fg_p05": 545.1825927734375,
  "summary_fg_p95": 924.5390380859374,
  "summary_fg_stdv": 121.5193862915039,
  "tsnr": 48.25065212347545
}