{
  "aor": 0.002849327272727273,
  "aqi": 0.019806662254545453,
  "bids_meta": {
    "AcquisitionMatrixPE": 96,
    "BandwidthPerPixelPhaseEncode": 20.425,
    "BaseResolution": 96,
    "BodyPartExamined": "BRAIN",
    "ConsistencyInfo": "N4_VE11C_LATEST_20160120",
    "ConversionSoftware": "dcm2niix",
    "ConversionSoftwareVersion": "v1.0.20180328 GCC6.3.0",
    "DerivedVendorReportedEchoSpacing": 0.000509996,
    "DeviceSerialNumber": "66018",
    "DwellTime": 2.1e-06,
    "EchoTime": 0.031,
    "EchoTrainLength": 96,
    "EffectiveEchoSpacing": 0.000509996,
    "FlipAngle": 67,
    "ImageOrientationPatientDICOM": [
      1,
      0,
      0,
      0,
      1,
      0
    ],
    "ImageType": [
      "ORIGINAL",
      "PRIMARY",
      "M",
      "ND",
      "NORM",
      "MOSAIC"
    ],
    "InPlanePhaseEncodingDirectionDICOM": "COL",
    "InstitutionAddress": "Washington Rd, Princeton, NJ 08540, USA",
    "InstitutionName": "Princeton University",
    "InstitutionalDepartmentName": "Princeton Neuroscience Institute",
    "MRAcquisitionType": "2D",
    "MagneticFieldStrength": 3,
    "Manufacturer": "Siemens",
    "ManufacturersModelName": "Prisma",
    "Modality": "MR",
    "MultibandAccelerationFactor": 3,
    "NumberOfVolumesDiscardedByScanner": 3,
    "PartialFourier": 1,
    "PatientPosition": "HFS",
    "PercentPhaseFOV": 100,
    "PhaseEncodingDirection": "j-",
    "PhaseEncodingSteps": 96,
    "PhaseResolution": 1,
    "PixelBandwidth": 2480,
    "ProcedureStepDescription": "Hasson_Nastase_042518_Storyteller",
    "ProtocolName": "func_task-black",
    "PulseSequenceDetails": "%SiemensSeq%_ep2d_bold",
    "ReceiveCoilActiveElements": "HC1-7;NC1,2",
    "ReceiveCoilName": "HeadNeck_64",
    "ReconMatrixPE": 96,
    "RepetitionTime": 1.5,
    "SAR": 0.0363841,
    "ScanOptions": "FS",
    "ScanningSequence": "EP",
    "SequenceName": "_epfid2d1_96",
    "SequenceVariant": "SK",
    "SeriesDescription": "func_task-black",
    "SeriesNumber": 12,
    "ShimSetting": [
      755,
      514,
      2116,
      678,
      -23,
      262,
      171,
      82
    ],
    "SliceThickness": 2.5,
    "SliceTiming": [
      1.11,
      0,
      0.74,
      0.0925,
      0.8325,
      0.185,
      0.925,
      0.2775,
      1.0175,
      0.4625,
      1.2025,
      0.555,
      1.295,
      0.6475,
      1.3875,
      0.37,
      1.11,
      0,
      0.74,
      0.0925,
      0.8325,
      0.185,
      0.925,
      0.2775,
      1.0175,
      0.4625,
      1.2025,
      0.555,
      1.295,
      0.6475,
      1.3875,
      0.37,
      1.11,
      0,
      0.74,
      0.0925,
      0.8325,
      0.185,
      0.925,
      0.2775,
      1.0175,
      0.4625,
      1.2025,
      0.555,
      1.295,
      0.6475,
      1.3875,
      0.37
    ],
    "SoftwareVersions": "syngo_MR_E11",
    "SpacingBetweenSlices": 2.5,
    "StationName": "AWP66018",
    "TaskDescription": "Passively listened to audio story 'black'",
    "TaskName": "black",
    "TotalReadoutTime": 0.0484496,
    "TxRefAmp": 219.676,
    "dataset": "ds002345",
    "modality": "bold",
    "subject_id": "291",
    "task_id": "black"
  },
  "dummy_trs": 0,
  "dvars_nstd": 30.867206601402533,
  "dvars_std": 1.2620097265209484,
  "dvars_vstd": 1.0105634545537345,
  "efc": 0.491570026634746,
  "fber": 3389.705078125,
  "fd_mean": 0.1066511582774932,
  "fd_num": 36,
  "fd_perc": 6.545454545454546,
  "fwhm_avg": 2.026578666666667,
  "fwhm_x": 1.929536,
  "fwhm_y": 2.168492,
  "fwhm_z": 1.981708,
  "gcor": 0.021066,
  "gsr_x": -0.0067992606200277805,
  "gsr_y": 0.020902486518025398,
  "provenance": {
    "md5sum": "84c458ba217302b2f3307ed92f580749",
    "settings": {
      "fd_thres": 0.2,
      "testing": false
    },
    "software": "mriqc",
    "version": "22.0.0rc1",
    "webapi_port": null,
    "webapi_url": "https://mriqc.nimh.nih.gov/api/v1"
  },
  "size_t": 550,
  "size_x": 96,
  "size_y": 96,
  "size_z": 48,
  "snr": 5.9498381061051955,
  "spacing_tr": 1.5,
  "spacing_x": 2.5,
  "spacing_y": 2.5,
  "spacing_z": 2.5,
  "summary_bg_k": 23.922933849443616,
  "summary_bg_mad": 7.617879567343522,
  "summary_bg_mean": 31.650712966918945,
  "summary_bg_median": 12.250908851623535,
  "summary_bg_n": 298227.0,
  "summary_bg_p05": 5.583636283874512,
  "summary_bg_p95": 134.0770919799805,
  "summary_bg_stdv": 59.46638488769531,
  "summary_fg_k": 1.4649585942556502,
  "summary_fg_mad": 116.58109176897696,
  "summary_fg_mean": 726.0640869140625,
  "summary_fg_median": 721.8109130859375,
  "summary_fg_n": 79081.0,
  "summary_fg_p05": 546.1127319335938,
  "summary_fg_p95": 922.5763549804688,
  "summary_fg_stdv": 121.31529235839844,
  "tsnr": 42.81988161383197
}