{
  "aor": 0.00047007692307692305,
  "aqi": 0.01243355764102564,
  "bids_meta": {
    "AcquisitionMatrixPE": 96,
    "BandwidthPerPixelPhaseEncode": 20.425,
    "BaseResolution": 96,
    "BodyPartExamined": "BRAIN",
    "ConsistencyInfo": "N4_VE11C_LATEST_20160120",
    "ConversionSoftware": "dcm2niix",
    "ConversionSoftwareVersion": "v1.0.20180328 GCC6.3.0",
    "DerivedVendorReportedEchoSpacing": 0.000509996,
    "DeviceSerialNumber": "66018",
    "DwellTime": 2.1e-06,
    "EchoTime": 0.031,
    "EchoTrainLength": 96,
    "EffectiveEchoSpacing": 0.000509996,
    "FlipAngle": 67,
    "ImageOrientationPatientDICOM": [
      1,
      0,
      0,
      0,
      1,
      0
    ],
    "ImageType": [
      "ORIGINAL",
      "PRIMARY",
      "M",
      "ND",
      "NORM",
      "MOSAIC"
    ],
    "InPlanePhaseEncodingDirectionDICOM": "COL",
    "InstitutionAddress": "Washington Rd, Princeton, NJ 08540, USA",
    "InstitutionName": "Princeton University",
    "InstitutionalDepartmentName": "Princeton Neuroscience Institute",
    "MRAcquisitionType": "2D",
    "MagneticFieldStrength": 3,
    "Manufacturer": "Siemens",
    "ManufacturersModelName": "Prisma",
    "Modality": "MR",
    "MultibandAccelerationFactor": 3,
    "NumberOfVolumesDiscardedByScanner": 3,
    "PartialFourier": 1,
    "PatientPosition": "HFS",
    "PercentPhaseFOV": 100,
    "PhaseEncodingDirection": "j-",
    "PhaseEncodingSteps": 96,
    "PhaseResolution": 1,
    "PixelBandwidth": 2480,
    "ProcedureStepDescription": "Hasson_Nastase_042518_Storyteller",
    "ProtocolName": "func_task-bronx",
    "PulseSequenceDetails": "%SiemensSeq%_ep2d_bold",
    "ReceiveCoilActiveElements": "HC1-7;NC1,2",
    "ReceiveCoilName": "HeadNeck_64",
    "ReconMatrixPE": 96,
    "RepetitionTime": 1.5,
    "SAR": 0.0363645,
    "ScanOptions": "FS",
    "ScanningSequence": "EP",
    "SequenceName": "_epfid2d1_96",
    "SequenceVariant": "SK",
    "SeriesDescription": "func_task-bronx",
    "SeriesNumber": 7,
    "ShimSetting": [
      755,
      514,
      2116,
      678,
      -23,
      262,
      171,
      82
    ],
    "SliceThickness": 2.5,
    "SliceTiming": [
      1.1075,
      0,
      0.7375,
      0.0925,
      0.83,
      0.185,
      0.9225,
      0.2775,
      1.015,
      0.4625,
      1.2,
      0.555,
      1.2925,
      0.645,
      1.385,
      0.37,
      1.1075,
      0,
      0.7375,
      0.0925,
      0.83,
      0.185,
      0.9225,
      0.2775,
      1.015,
      0.4625,
      1.2,
      0.555,
      1.2925,
      0.645,
      1.385,
      0.37,
      1.1075,
      0,
      0.7375,
      0.0925,
      0.83,
      0.185,
      0.9225,
      0.2775,
      1.015,
      0.4625,
      1.2,
      0.555,
      1.2925,
      0.645,
      1.385,
      0.37
    ],
    "SoftwareVersions": "syngo_MR_E11",
    "SpacingBetweenSlices": 2.5,
    "StationName": "AWP66018",
    "TaskDescription": "Passively listened to audio story 'bronx'",
    "TaskName": "bronx",
    "TotalReadoutTime": 0.0484496,
    "TxRefAmp": 219.676,
    "dataset": "ds002345",
    "modality": "bold",
    "subject_id": "291",
    "task_id": "bronx"
  },
  "dummy_trs": 0,
  "dvars_nstd": 30.34720069282778,
  "dvars_std": 1.2290078693316195,
  "dvars_vstd": 0.9682190395629825,
  "efc": 0.4896158465869793,
  "fber": 3466.6064453125,
  "fd_mean": 0.0859477467858739,
  "fd_num": 5,
  "fd_perc": 1.2820512820512822,
  "fwhm_avg": 1.9993333333333332,
  "fwhm_x": 1.8994,
  "fwhm_y": 2.168904,
  "fwhm_z": 1.9296959999999999,
  "gcor": 0.0247467,
  "gsr_x": -0.006183014251291752,
  "gsr_y": 0.025156863033771515,
  "provenance": {
    "md5sum": "90c2675e02e99c833f906a39d9eb21c9",
    "settings": {
      "fd_thres": 0.2,
      "testing": false
    },
    "software": "mriqc",
    "version": "22.0.0rc1",
    "webapi_port": null,
    "webapi_url": "https://mriqc.nimh.nih.gov/api/v1"
  },
  "size_t": 390,
  "size_x": 96,
  "size_y": 96,
  "size_z": 48,
  "snr": 5.946229720970207,
  "spacing_tr": 1.5,
  "spacing_x": 2.5,
  "spacing_y": 2.5,
  "spacing_z": 2.5,
  "summary_bg_k": 26.62063079102009,
  "summary_bg_mad": 7.542263144074556,
  "summary_bg_mean": 30.653167724609375,
  "summary_bg_median": 12.09743595123291,
  "summary_bg_n": 298661.0,
  "summary_bg_p05": 5.515384674072266,
  "summary_bg_p95": 126.50257110595703,
  "summary_bg_stdv": 58.44862365722656,
  "summary_fg_k": 1.485166613598003,
  "summary_fg_mad": 116.30057010898139,
  "summary_fg_mean": 727.847412109375,
  "summary_fg_median": 723.539794921875,
  "summary_fg_n": 79392.0,
  "summary_fg_p05": 546.365673828125,
  "summary_fg_p95": 924.9960266113281,
  "summary_fg_stdv": 121.6796646118164,
  "tsnr": 55.17398329381831
}