{
  "aor": 0.0006329487179487179,
  "aqi": 0.0047451333333333335,
  "bids_meta": {
    "CogAtlasID": "https://www.cognitiveatlas.org/task/id/trm_4c8991fadfe01",
    "DeviceSerialNumber": "66018",
    "DwellTime": 4.2e-06,
    "EchoTime": 0.039,
    "EffectiveEchoSpacing": 0.000929976,
    "FlipAngle": 50,
    "InstitutionAddress": "Washington Rd, Princeton, NJ 08540, USA",
    "InstitutionName": "Princeton University",
    "InstitutionalDepartmentName": "Princeton Neuroscience Institute",
    "MagneticFieldStrength": 3,
    "Manufacturer": "Siemens",
    "ManufacturersModelName": "Prisma",
    "NumberOfVolumesDiscardedByScanner": 3,
    "ParallelReductionType": "GRAPPA",
    "PartialFourier": 0.75,
    "PhaseEncodingDirection": "j-",
    "PixelBandwidth": 1240,
    "PulseSequenceDetails": "%CustomerSeq%_ep2d_bold_sms_mgh_v22",
    "PulseSequenceType": "Gradient Echo EPI",
    "ReceiveCoilActiveElements": "HC1-7;NC1,2",
    "ReceiveCoilName": "HeadNeck_64",
    "RepetitionTime": 1.5,
    "ScanOptions": "PFP_FS",
    "ScanningSequence": "EP",
    "SequenceName": "epfSM2d1_96",
    "SequenceVariant": "SK",
    "SliceTiming": [
      0.6925,
      0,
      0.79,
      0.1,
      0.8875,
      0.1975,
      0.9875,
      0.2975,
      1.085,
      0.395,
      1.185,
      0.495,
      1.2825,
      0.5925,
      1.3825,
      0.6925,
      0,
      0.79,
      0.1,
      0.8875,
      0.1975,
      0.9875,
      0.2975,
      1.085,
      0.395,
      1.185,
      0.495,
      1.2825,
      0.5925,
      1.3825,
      0.6925,
      0,
      0.79,
      0.1,
      0.8875,
      0.1975,
      0.9875,
      0.2975,
      1.085,
      0.395,
      1.185,
      0.495,
      1.2825,
      0.5925,
      1.3825,
      0.6925,
      0,
      0.79,
      0.1,
      0.8875,
      0.1975,
      0.9875,
      0.2975,
      1.085,
      0.395,
      1.185,
      0.495,
      1.2825,
      0.5925,
      1.3825
    ],
    "SoftwareVersions": "syngo_MR_D13D",
    "StationName": "AWP66018",
    "TaskDescription": "Passively listened to audio story 'shapessocial'",
    "TaskName": "shapessocial",
    "TotalReadoutTime": 0.0883478,
    "dataset": "ds002345",
    "modality": "bold",
    "subject_id": "115",
    "task_id": "shapessocial"
  },
  "dummy_trs": 1,
  "dvars_nstd": 32.34393492086816,
  "dvars_std": 1.1231235461093234,
  "dvars_vstd": 0.9836328250160774,
  "efc": 0.5544464884515629,
  "fber": 361.8736572265625,
  "fd_mean": 0.09410115068197508,
  "fd_num": 4,
  "fd_perc": 1.2820512820512822,
  "fwhm_avg": 2.9004666666666665,
  "fwhm_x": 2.776785,
  "fwhm_y": 3.06109,
  "fwhm_z": 2.863525,
  "gcor": 0.00860055,
  "gsr_x": -0.00539421895518899,
  "gsr_y": 0.05786517262458801,
  "provenance": {
    "md5sum": "29fe8f4dd2257608c618c2b31a4ffdf5",
    "settings": {
      "fd_thres": 0.2,
      "testing": false
    },
    "software": "mriqc",
    "version": "22.0.0rc1",
    "webapi_port": null,
    "webapi_url": "https://mriqc.nimh.nih.gov/api/v1"
  },
  "size_t": 312,
  "size_x": 96,
  "size_y": 96,
  "size_z": 60,
  "snr": 1.9546200059710939,
  "spacing_tr": 1.5,
  "spacing_x": 2.0,
  "spacing_y": 2.0,
  "spacing_z": 2.0,
  "summary_bg_k": 77.6828921313129,
  "summary_bg_mad": 8.58673690623184,
  "summary_bg_mean": 50.79928207397461,
  "summary_bg_median": 28.634614944458008,
  "summary_bg_n": 330885.0,
  "summary_bg_p05": 21.419872283935547,
  "summary_bg_p95": 156.1500061035154,
  "summary_bg_stdv": 70.9953384399414,
  "summary_fg_k": 5.463320311406269,
  "summary_fg_mad": 228.24470670637518,
  "summary_fg_mean": 618.3768310546875,
  "summary_fg_median": 558.6650390625,
  "summary_fg_n": 137162.0,
  "summary_fg_p05": 293.1958465576172,
  "summary_fg_p95": 1148.0210205078124,
  "summary_fg_stdv": 285.8166809082031,
  "tsnr": 47.59442701237276
}