{
  "aor": 0.0007994822006472493,
  "aqi": 0.00402668647249191,
  "bids_meta": {
    "CogAtlasID": "https://www.cognitiveatlas.org/task/id/trm_4c8991fadfe01",
    "DeviceSerialNumber": "66018",
    "DwellTime": 4.2e-06,
    "EchoTime": 0.039,
    "EffectiveEchoSpacing": 0.000929976,
    "FlipAngle": 50,
    "InstitutionAddress": "Washington Rd, Princeton, NJ 08540, USA",
    "InstitutionName": "Princeton University",
    "InstitutionalDepartmentName": "Princeton Neuroscience Institute",
    "MagneticFieldStrength": 3,
    "Manufacturer": "Siemens",
    "ManufacturersModelName": "Prisma",
    "NumberOfVolumesDiscardedByScanner": 3,
    "ParallelReductionType": "GRAPPA",
    "PartialFourier": 0.75,
    "PhaseEncodingDirection": "j-",
    "PixelBandwidth": 1240,
    "PulseSequenceDetails": "%CustomerSeq%_ep2d_bold_sms_mgh_v22",
    "PulseSequenceType": "Gradient Echo EPI",
    "ReceiveCoilActiveElements": "HC1-7;NC1,2",
    "ReceiveCoilName": "HeadNeck_64",
    "RepetitionTime": 1.5,
    "ScanOptions": "PFP_FS",
    "ScanningSequence": "EP",
    "SequenceName": "epfSM2d1_96",
    "SequenceVariant": "SK",
    "SliceTiming": [
      0.6925,
      0,
      0.79,
      0.1,
      0.8875,
      0.1975,
      0.9875,
      0.2975,
      1.085,
      0.395,
      1.185,
      0.495,
      1.2825,
      0.5925,
      1.3825,
      0.6925,
      0,
      0.79,
      0.1,
      0.8875,
      0.1975,
      0.9875,
      0.2975,
      1.085,
      0.395,
      1.185,
      0.495,
      1.2825,
      0.5925,
      1.3825,
      0.6925,
      0,
      0.79,
      0.1,
      0.8875,
      0.1975,
      0.9875,
      0.2975,
      1.085,
      0.395,
      1.185,
      0.495,
      1.2825,
      0.5925,
      1.3825,
      0.6925,
      0,
      0.79,
      0.1,
      0.8875,
      0.1975,
      0.9875,
      0.2975,
      1.085,
      0.395,
      1.185,
      0.495,
      1.2825,
      0.5925,
      1.3825
    ],
    "SoftwareVersions": "syngo_MR_D13D",
    "StationName": "AWP66018",
    "TaskDescription": "Passively listened to audio story 'shapesphysical'",
    "TaskName": "shapesphysical",
    "TotalReadoutTime": 0.0883478,
    "dataset": "ds002345",
    "modality": "bold",
    "subject_id": "115",
    "task_id": "shapesphysical"
  },
  "dummy_trs": 2,
  "dvars_nstd": 34.2719761548701,
  "dvars_std": 1.168423426493506,
  "dvars_vstd": 0.9983784482142859,
  "efc": 0.5527422652582654,
  "fber": 379.1946105957031,
  "fd_mean": 0.09123815599589909,
  "fd_num": 5,
  "fd_perc": 1.6181229773462784,
  "fwhm_avg": 2.917611666666667,
  "fwhm_x": 2.784435,
  "fwhm_y": 3.08157,
  "fwhm_z": 2.88683,
  "gcor": 0.00656893,
  "gsr_x": -0.007617551367729902,
  "gsr_y": 0.05997072160243988,
  "provenance": {
    "md5sum": "588585a10b475e904d2b838c978d152e",
    "settings": {
      "fd_thres": 0.2,
      "testing": false
    },
    "software": "mriqc",
    "version": "22.0.0rc1",
    "webapi_port": null,
    "webapi_url": "https://mriqc.nimh.nih.gov/api/v1"
  },
  "size_t": 309,
  "size_x": 96,
  "size_y": 96,
  "size_z": 60,
  "snr": 1.9348049399317062,
  "spacing_tr": 1.5,
  "spacing_x": 2.0,
  "spacing_y": 2.0,
  "spacing_z": 2.0,
  "summary_bg_k": 88.09698674412057,
  "summary_bg_mad": 8.463788108517251,
  "summary_bg_mean": 49.95072937011719,
  "summary_bg_median": 27.98381996154785,
  "summary_bg_n": 329429.0,
  "summary_bg_p05": 21.02912712097168,
  "summary_bg_p95": 152.9035705566405,
  "summary_bg_stdv": 71.17457580566406,
  "summary_fg_k": 5.419284186470112,
  "summary_fg_mad": 231.7657286163244,
  "summary_fg_mean": 621.1629028320312,
  "summary_fg_median": 560.4887084960938,
  "summary_fg_n": 138181.0,
  "summary_fg_p05": 291.97412109375,
  "summary_fg_p95": 1155.517822265625,
  "summary_fg_stdv": 289.6864013671875,
  "tsnr": 49.961524293757975
}