{
  "aor": 0.0006474915254237288,
  "aqi": 0.007638007254237288,
  "bids_meta": {
    "CogAtlasID": "https://www.cognitiveatlas.org/task/id/trm_4c8991fadfe01",
    "DeviceSerialNumber": "45031",
    "DwellTime": 5.4e-06,
    "EchoTime": 0.028,
    "EffectiveEchoSpacing": 0.000390001,
    "FlipAngle": 64,
    "InstitutionAddress": "Washington Rd, Princeton, NJ 08540, USA",
    "InstitutionName": "Princeton University",
    "InstitutionalDepartmentName": "Princeton Neuroscience Institute",
    "MagneticFieldStrength": 3,
    "Manufacturer": "Siemens",
    "ManufacturersModelName": "Skyra",
    "NumberOfVolumesDiscardedByScanner": 3,
    "ParallelReductionFactorInPlane": 2,
    "ParallelReductionType": "GRAPPA",
    "PartialFourier": 1,
    "PhaseEncodingDirection": "j-",
    "PixelBandwidth": 1445,
    "PulseSequenceDetails": "%SiemensSeq%_ep2d_bold",
    "PulseSequenceType": "Gradient Echo EPI",
    "ReceiveCoilActiveElements": "HE1-4",
    "ReceiveCoilName": "HeadNeck_20",
    "RepetitionTime": 1.52,
    "ScanOptions": "FS",
    "ScanningSequence": "EP",
    "SequenceName": "_epfid2d1_64",
    "SequenceVariant": "SK",
    "SliceTiming": [
      0,
      0.7775,
      0.0575,
      0.835,
      0.1125,
      0.89,
      0.1675,
      0.945,
      0.2225,
      1,
      0.2775,
      1.055,
      0.335,
      1.1125,
      0.39,
      1.1675,
      0.445,
      1.2225,
      0.5,
      1.2775,
      0.5575,
      1.335,
      0.6125,
      1.39,
      0.6675,
      1.445,
      0.7225
    ],
    "SoftwareVersions": "syngo_MR_E11",
    "StationName": "AWP45031",
    "TaskDescription": "Passively listened to audio story 'milkyway'",
    "TaskName": "milkyway",
    "TotalReadoutTime": 0.0245701,
    "dataset": "ds002345",
    "modality": "bold",
    "subject_id": "115",
    "task_id": "milkyway"
  },
  "dummy_trs": 2,
  "dvars_nstd": 24.68774772190477,
  "dvars_std": 1.2828638925170055,
  "dvars_vstd": 1.0085118153741495,
  "efc": 0.5903403648943002,
  "fber": 1730.7999267578125,
  "fd_mean": 0.12624063671018487,
  "fd_num": 22,
  "fd_perc": 7.4576271186440675,
  "fwhm_avg": 1.6223508333333332,
  "fwhm_x": 1.6009666666666666,
  "fwhm_y": 1.8081133333333332,
  "fwhm_z": 1.4579725,
  "gcor": 0.011145,
  "gsr_x": -0.013084721751511097,
  "gsr_y": 0.057035014033317566,
  "provenance": {
    "md5sum": "2adbe8e56100cf2ba913d7964395570c",
    "settings": {
      "fd_thres": 0.2,
      "testing": false
    },
    "software": "mriqc",
    "version": "22.0.0rc1",
    "webapi_port": null,
    "webapi_url": "https://mriqc.nimh.nih.gov/api/v1"
  },
  "size_t": 295,
  "size_x": 64,
  "size_y": 64,
  "size_z": 27,
  "snr": 6.867186849570556,
  "spacing_tr": 1.5199999809265137,
  "spacing_x": 3.0,
  "spacing_y": 3.0,
  "spacing_z": 4.0,
  "summary_bg_k": 40.278155291922616,
  "summary_bg_mad": 10.478729664052445,
  "summary_bg_mean": 41.47705078125,
  "summary_bg_median": 15.271185874938965,
  "summary_bg_n": 55250.0,
  "summary_bg_p05": 6.288135528564453,
  "summary_bg_p95": 160.60220108032223,
  "summary_bg_stdv": 78.46289825439453,
  "summary_fg_k": 2.222000401241572,
  "summary_fg_mad": 89.66476701982815,
  "summary_fg_mean": 671.5233764648438,
  "summary_fg_median": 661.8881225585938,
  "summary_fg_n": 26735.0,
  "summary_fg_p05": 542.5481384277343,
  "summary_fg_p95": 834.2806823730468,
  "summary_fg_stdv": 96.38236999511719,
  "tsnr": 74.30708881700411
}