{
  "aor": 0.0008429666666666666,
  "aqi": 0.016362728266666664,
  "bids_meta": {
    "CogAtlasID": "https://www.cognitiveatlas.org/task/id/trm_4c8991fadfe01",
    "DeviceSerialNumber": "45031",
    "DwellTime": 5.4e-06,
    "EchoTime": 0.028,
    "EffectiveEchoSpacing": 0.000390001,
    "FlipAngle": 64,
    "InstitutionAddress": "Washington Rd, Princeton, NJ 08540, USA",
    "InstitutionName": "Princeton University",
    "InstitutionalDepartmentName": "Princeton Neuroscience Institute",
    "MagneticFieldStrength": 3,
    "Manufacturer": "Siemens",
    "ManufacturersModelName": "Skyra",
    "NumberOfVolumesDiscardedByScanner": 3,
    "ParallelReductionFactorInPlane": 2,
    "ParallelReductionType": "GRAPPA",
    "PartialFourier": 1,
    "PhaseEncodingDirection": "j-",
    "PixelBandwidth": 1445,
    "PulseSequenceDetails": "%SiemensSeq%_ep2d_bold",
    "PulseSequenceType": "Gradient Echo EPI",
    "ReceiveCoilActiveElements": "HE1-4",
    "ReceiveCoilName": "HeadNeck_20",
    "RepetitionTime": 1.5,
    "ScanOptions": "FS",
    "ScanningSequence": "EP",
    "SequenceName": "_epfid2d1_64",
    "SequenceVariant": "SK",
    "SliceTiming": [
      0,
      0.7775,
      0.055,
      0.8325,
      0.11,
      0.89,
      0.1675,
      0.945,
      0.2225,
      1,
      0.2775,
      1.055,
      0.3325,
      1.11,
      0.39,
      1.1675,
      0.445,
      1.2225,
      0.5,
      1.2775,
      0.555,
      1.3325,
      0.61,
      1.3875,
      0.6675,
      1.445,
      0.7225
    ],
    "SoftwareVersions": "syngo_MR_D11",
    "StationName": "AWP45031",
    "TaskDescription": "Passively listened to audio story 'pieman'",
    "TaskName": "pieman",
    "TotalReadoutTime": 0.0245701,
    "dataset": "ds002345",
    "modality": "bold",
    "subject_id": "036",
    "task_id": "pieman"
  },
  "dummy_trs": 0,
  "dvars_nstd": 18.233906915083608,
  "dvars_std": 0.907122603846153,
  "dvars_vstd": 0.8810160472575248,
  "efc": 0.5886794248973158,
  "fber": 2114.929443359375,
  "fd_mean": 0.13135407678469144,
  "fd_num": 28,
  "fd_perc": 9.333333333333334,
  "fwhm_avg": 1.8442699999999999,
  "fwhm_x": 1.8049166666666665,
  "fwhm_y": 2.0797133333333333,
  "fwhm_z": 1.64818,
  "gcor": 0.0249286,
  "gsr_x": -0.005107137840241194,
  "gsr_y": 0.029327398166060448,
  "provenance": {
    "md5sum": "7ca39ef2cbb84f939c341e565234462b",
    "settings": {
      "fd_thres": 0.2,
      "testing": false
    },
    "software": "mriqc",
    "version": "21.0.0rc2",
    "webapi_port": null,
    "webapi_url": "https://mriqc.nimh.nih.gov/api/v1"
  },
  "size_t": 300,
  "size_x": 64,
  "size_y": 64,
  "size_z": 27,
  "snr": 6.894407400044588,
  "spacing_tr": 1.5,
  "spacing_x": 3.0,
  "spacing_y": 3.0,
  "spacing_z": 4.0,
  "summary_bg_k": 18.05616650377461,
  "summary_bg_mad": 8.277863329269382,
  "summary_bg_mean": 37.07566452026367,
  "summary_bg_median": 14.413333892822266,
  "summary_bg_n": 55060.0,
  "summary_bg_p05": 7.40333366394043,
  "summary_bg_p95": 142.74399871826165,
  "summary_bg_stdv": 60.00243377685547,
  "summary_fg_k": 1.526437181832427,
  "summary_fg_mad": 95.52160682624526,
  "summary_fg_mean": 704.474609375,
  "summary_fg_median": 695.1300048828125,
  "summary_fg_n": 27124.0,
  "summary_fg_p05": 564.3728454589843,
  "summary_fg_p95": 874.00185546875,
  "summary_fg_stdv": 100.8233413696289,
  "tsnr": 54.889717039885
}