{
  "aor": 0.001005875,
  "aqi": 0.00850178865,
  "bids_meta": {
    "CogAtlasID": "https://www.cognitiveatlas.org/task/id/trm_4c8991fadfe01",
    "DeviceSerialNumber": "45031",
    "DwellTime": 5.4e-06,
    "EchoTime": 0.028,
    "EffectiveEchoSpacing": 0.000390001,
    "FlipAngle": 64,
    "InstitutionAddress": "Washington Rd, Princeton, NJ 08540, USA",
    "InstitutionName": "Princeton University",
    "InstitutionalDepartmentName": "Princeton Neuroscience Institute",
    "MagneticFieldStrength": 3,
    "Manufacturer": "Siemens",
    "ManufacturersModelName": "Skyra",
    "NumberOfVolumesDiscardedByScanner": 3,
    "ParallelReductionFactorInPlane": 2,
    "ParallelReductionType": "GRAPPA",
    "PartialFourier": 1,
    "PhaseEncodingDirection": "j-",
    "PixelBandwidth": 1445,
    "PulseSequenceDetails": "%SiemensSeq%_ep2d_bold",
    "PulseSequenceType": "Gradient Echo EPI",
    "ReceiveCoilActiveElements": "HE1-4",
    "ReceiveCoilName": "HeadNeck_20",
    "RepetitionTime": 1.5,
    "ScanOptions": "FS",
    "ScanningSequence": "EP",
    "SequenceName": "_epfid2d1_64",
    "SequenceVariant": "SK",
    "SliceTiming": [
      0,
      0.7775,
      0.055,
      0.8325,
      0.11,
      0.8875,
      0.165,
      0.9425,
      0.2225,
      1,
      0.2775,
      1.055,
      0.3325,
      1.11,
      0.3875,
      1.165,
      0.445,
      1.2225,
      0.5,
      1.2775,
      0.555,
      1.3325,
      0.61,
      1.3875,
      0.665,
      1.4425,
      0.7225
    ],
    "SoftwareVersions": "syngo_MR_D11",
    "StationName": "AWP45031",
    "TaskDescription": "Passively listened to audio story 'notthefall'",
    "TaskName": "notthefall",
    "TotalReadoutTime": 0.0245701,
    "dataset": "ds002345",
    "modality": "bold",
    "subject_id": "132",
    "task_id": "notthefall"
  },
  "dummy_trs": 0,
  "dvars_nstd": 21.16131731350877,
  "dvars_std": 1.1479934967418544,
  "dvars_vstd": 0.9768354364160403,
  "efc": 0.6199535817493829,
  "fber": 1708.8782958984375,
  "fd_mean": 0.1348084889855278,
  "fd_num": 47,
  "fd_perc": 11.75,
  "fwhm_avg": 1.7600984262590773,
  "fwhm_x": 1.7144700000000002,
  "fwhm_y": 2.00679,
  "fwhm_z": 1.559035278777232,
  "gcor": 0.0178413,
  "gsr_x": -0.014753872528672218,
  "gsr_y": 0.06349529325962067,
  "provenance": {
    "md5sum": "23bbf33449e6c4a136464b616dc2ae0e",
    "settings": {
      "fd_thres": 0.2,
      "testing": false
    },
    "software": "mriqc",
    "version": "22.0.6",
    "webapi_port": null,
    "webapi_url": "https://mriqc.nimh.nih.gov/api/v1"
  },
  "size_t": 400,
  "size_x": 64,
  "size_y": 64,
  "size_z": 27,
  "snr": 6.582684502252338,
  "spacing_tr": 1.5,
  "spacing_x": 3.0,
  "spacing_y": 3.0,
  "spacing_z": 3.9999992847442627,
  "summary_bg_k": 29.235003115100284,
  "summary_bg_mad": 11.65695881186457,
  "summary_bg_mean": 45.79320526123047,
  "summary_bg_median": 16.5049991607666,
  "summary_bg_n": 51491.0,
  "summary_bg_p05": 7.029999732971191,
  "summary_bg_p95": 180.64749145507812,
  "summary_bg_stdv": 74.57552337646484,
  "summary_fg_k": 2.2878318350904694,
  "summary_fg_mad": 102.15874930174037,
  "summary_fg_mean": 736.1861572265625,
  "summary_fg_median": 726.7874755859375,
  "summary_fg_n": 30440.0,
  "summary_fg_p05": 586.8521026611328,
  "summary_fg_p95": 921.693002319336,
  "summary_fg_stdv": 110.40716552734375,
  "tsnr": 66.98453869577497
}