{
  "aor": 0.0010517181467181466,
  "aqi": 0.0069182990347490345,
  "bids_meta": {
    "CogAtlasID": "https://www.cognitiveatlas.org/task/id/trm_4c8991fadfe01",
    "DeviceSerialNumber": "66018",
    "DwellTime": 4.2e-06,
    "EchoTime": 0.039,
    "EffectiveEchoSpacing": 0.000929976,
    "FlipAngle": 50,
    "InstitutionAddress": "Washington Rd, Princeton, NJ 08540, USA",
    "InstitutionName": "Princeton University",
    "InstitutionalDepartmentName": "Princeton Neuroscience Institute",
    "MagneticFieldStrength": 3,
    "Manufacturer": "Siemens",
    "ManufacturersModelName": "Prisma",
    "NumberOfVolumesDiscardedByScanner": 3,
    "ParallelReductionType": "GRAPPA",
    "PartialFourier": 0.75,
    "PhaseEncodingDirection": "j-",
    "PixelBandwidth": 1240,
    "PulseSequenceDetails": "%CustomerSeq%_ep2d_bold_sms_mgh_v22",
    "PulseSequenceType": "Gradient Echo EPI",
    "ReceiveCoilActiveElements": "HC1-7;NC1,2",
    "ReceiveCoilName": "HeadNeck_64",
    "RepetitionTime": 1.5,
    "ScanOptions": "PFP_FS",
    "ScanningSequence": "EP",
    "SequenceName": "epfSM2d1_96",
    "SequenceVariant": "SK",
    "SliceTiming": [
      0.6925,
      0,
      0.79,
      0.1,
      0.8875,
      0.1975,
      0.9875,
      0.2975,
      1.085,
      0.395,
      1.185,
      0.495,
      1.2825,
      0.5925,
      1.3825,
      0.6925,
      0,
      0.79,
      0.1,
      0.8875,
      0.1975,
      0.9875,
      0.2975,
      1.085,
      0.395,
      1.185,
      0.495,
      1.2825,
      0.5925,
      1.3825,
      0.6925,
      0,
      0.79,
      0.1,
      0.8875,
      0.1975,
      0.9875,
      0.2975,
      1.085,
      0.395,
      1.185,
      0.495,
      1.2825,
      0.5925,
      1.3825,
      0.6925,
      0,
      0.79,
      0.1,
      0.8875,
      0.1975,
      0.9875,
      0.2975,
      1.085,
      0.395,
      1.185,
      0.495,
      1.2825,
      0.5925,
      1.3825
    ],
    "SoftwareVersions": "syngo_MR_D13D",
    "StationName": "AWP66018",
    "TaskDescription": "Passively listened to audio story 'schema'",
    "TaskName": "schema",
    "TotalReadoutTime": 0.0883478,
    "dataset": "ds002345",
    "modality": "bold",
    "run_id": 3,
    "subject_id": "132",
    "task_id": "schema"
  },
  "dummy_trs": 1,
  "dvars_nstd": 40.37023324800775,
  "dvars_std": 1.1394062541972925,
  "dvars_vstd": 0.992091288027079,
  "efc": 0.6154899467348653,
  "fber": 242.20465087890625,
  "fd_mean": 0.17580789764846985,
  "fd_num": 178,
  "fd_perc": 34.36293436293436,
  "fwhm_avg": 2.9682666666666666,
  "fwhm_x": 2.779185,
  "fwhm_y": 3.171735,
  "fwhm_z": 2.95388,
  "gcor": 0.00760448,
  "gsr_x": -0.0023401828948408365,
  "gsr_y": 0.06681758165359497,
  "provenance": {
    "md5sum": "e7c4aa064704c654ed86594f676e7019",
    "settings": {
      "fd_thres": 0.2,
      "testing": false
    },
    "software": "mriqc",
    "version": "22.0.6",
    "webapi_port": null,
    "webapi_url": "https://mriqc.nimh.nih.gov/api/v1"
  },
  "size_t": 518,
  "size_x": 96,
  "size_y": 96,
  "size_z": 60,
  "snr": 2.1817936572692944,
  "spacing_tr": 1.5,
  "spacing_x": 2.0,
  "spacing_y": 2.0,
  "spacing_z": 2.0,
  "summary_bg_k": 27.709465025104095,
  "summary_bg_mad": 8.423355661998938,
  "summary_bg_mean": 53.949310302734375,
  "summary_bg_median": 29.82625389099121,
  "summary_bg_n": 299976.0,
  "summary_bg_p05": 23.129343032836914,
  "summary_bg_p95": 178.62017059326172,
  "summary_bg_stdv": 64.33782958984375,
  "summary_fg_k": 1.5570447769116447,
  "summary_fg_mad": 203.97802214945708,
  "summary_fg_mean": 523.6069946289062,
  "summary_fg_median": 484.32818603515625,
  "summary_fg_n": 162755.0,
  "summary_fg_p05": 244.44169921875002,
  "summary_fg_p95": 941.9540283203124,
  "summary_fg_stdv": 221.98556518554688,
  "tsnr": 37.13918552128598
}