{
  "aor": 0.001866360628618693,
  "aqi": 0.018870006807278742,
  "bids_meta": {
    "CogAtlasID": "https://www.cognitiveatlas.org/task/id/trm_4c8991fadfe01",
    "DeviceSerialNumber": "45031",
    "DwellTime": 5.4e-06,
    "EchoTime": 0.028,
    "EffectiveEchoSpacing": 0.000390001,
    "FlipAngle": 64,
    "InstitutionAddress": "Washington Rd, Princeton, NJ 08540, USA",
    "InstitutionName": "Princeton University",
    "InstitutionalDepartmentName": "Princeton Neuroscience Institute",
    "MagneticFieldStrength": 3,
    "Manufacturer": "Siemens",
    "ManufacturersModelName": "Skyra",
    "NumberOfVolumesDiscardedByScanner": 3,
    "ParallelReductionFactorInPlane": 2,
    "ParallelReductionType": "GRAPPA",
    "PartialFourier": 1,
    "PhaseEncodingDirection": "j-",
    "PixelBandwidth": 1445,
    "PulseSequenceDetails": "%SiemensSeq%_ep2d_bold",
    "PulseSequenceType": "Gradient Echo EPI",
    "ReceiveCoilActiveElements": "HE1-4",
    "ReceiveCoilName": "HeadNeck_20",
    "RepetitionTime": 1.5,
    "ScanOptions": "FS",
    "ScanningSequence": "EP",
    "SequenceName": "_epfid2d1_64",
    "SequenceVariant": "SK",
    "SliceTiming": [
      0,
      0.7775,
      0.055,
      0.8325,
      0.11,
      0.8875,
      0.1675,
      0.945,
      0.2225,
      1,
      0.2775,
      1.055,
      0.3325,
      1.11,
      0.3875,
      1.165,
      0.445,
      1.2225,
      0.5,
      1.2775,
      0.555,
      1.3325,
      0.61,
      1.3875,
      0.6675,
      1.445,
      0.7225
    ],
    "SoftwareVersions": "syngo_MR_D11",
    "StationName": "AWP45031",
    "TaskDescription": "Passively listened to audio story 'slumlordreach'",
    "TaskName": "slumlordreach",
    "TotalReadoutTime": 0.0245701,
    "dataset": "ds002345",
    "modality": "bold",
    "subject_id": "132",
    "task_id": "slumlordreach"
  },
  "dummy_trs": 0,
  "dvars_nstd": 22.193090560579492,
  "dvars_std": 1.1389264542880815,
  "dvars_vstd": 0.9913812605132447,
  "efc": 0.6207312999142887,
  "fber": 1639.6849365234375,
  "fd_mean": 0.1977948104078041,
  "fd_num": 508,
  "fd_perc": 42.018196856906535,
  "fwhm_avg": 1.771338980511377,
  "fwhm_x": 1.7299133333333332,
  "fwhm_y": 2.046933333333333,
  "fwhm_z": 1.5371702748674645,
  "gcor": 0.0701551,
  "gsr_x": -0.01614239811897278,
  "gsr_y": 0.06490454077720642,
  "provenance": {
    "md5sum": "e9d6990e9c7f504bb790beb87634f737",
    "settings": {
      "fd_thres": 0.2,
      "testing": false
    },
    "software": "mriqc",
    "version": "22.0.6",
    "webapi_port": null,
    "webapi_url": "https://mriqc.nimh.nih.gov/api/v1"
  },
  "size_t": 1209,
  "size_x": 64,
  "size_y": 64,
  "size_z": 27,
  "snr": 6.553769958021695,
  "spacing_tr": 1.5,
  "spacing_x": 3.0,
  "spacing_y": 3.0,
  "spacing_z": 3.9999992847442627,
  "summary_bg_k": 29.231945642594937,
  "summary_bg_mad": 12.943644080904619,
  "summary_bg_mean": 46.54764175415039,
  "summary_bg_median": 17.21505355834961,
  "summary_bg_n": 51440.0,
  "summary_bg_p05": 7.000827312469482,
  "summary_bg_p95": 180.63933563232416,
  "summary_bg_stdv": 73.24076080322266,
  "summary_fg_k": 2.1666595956337087,
  "summary_fg_mad": 103.61167051880128,
  "summary_fg_mean": 741.7806396484375,
  "summary_fg_median": 732.3515625,
  "summary_fg_n": 30462.0,
  "summary_fg_p05": 588.6151000976563,
  "summary_fg_p95": 929.7803039550779,
  "summary_fg_stdv": 111.74324798583984,
  "tsnr": 46.99194118345622
}