{
  "aor": 0.0026014455445544553,
  "aqi": 0.009666940415841584,
  "bids_meta": {
    "CogAtlasID": "https://www.cognitiveatlas.org/task/id/trm_4c8991fadfe01",
    "DeviceSerialNumber": "66018",
    "DwellTime": 4.2e-06,
    "EchoTime": 0.039,
    "EffectiveEchoSpacing": 0.000929976,
    "FlipAngle": 50,
    "InstitutionAddress": "Washington Rd, Princeton, NJ 08540, USA",
    "InstitutionName": "Princeton University",
    "InstitutionalDepartmentName": "Princeton Neuroscience Institute",
    "MagneticFieldStrength": 3,
    "Manufacturer": "Siemens",
    "ManufacturersModelName": "Prisma",
    "NumberOfVolumesDiscardedByScanner": 3,
    "ParallelReductionType": "GRAPPA",
    "PartialFourier": 0.75,
    "PhaseEncodingDirection": "j-",
    "PixelBandwidth": 1240,
    "PulseSequenceDetails": "%CustomerSeq%_ep2d_bold_sms_mgh_v22",
    "PulseSequenceType": "Gradient Echo EPI",
    "ReceiveCoilActiveElements": "HC1-7;NC1,2",
    "ReceiveCoilName": "HeadNeck_64",
    "RepetitionTime": 1.5,
    "ScanOptions": "PFP_FS",
    "ScanningSequence": "EP",
    "SequenceName": "epfSM2d1_96",
    "SequenceVariant": "SK",
    "SliceTiming": [
      0.6925,
      0,
      0.79,
      0.1,
      0.8875,
      0.1975,
      0.9875,
      0.2975,
      1.085,
      0.395,
      1.185,
      0.495,
      1.2825,
      0.5925,
      1.3825,
      0.6925,
      0,
      0.79,
      0.1,
      0.8875,
      0.1975,
      0.9875,
      0.2975,
      1.085,
      0.395,
      1.185,
      0.495,
      1.2825,
      0.5925,
      1.3825,
      0.6925,
      0,
      0.79,
      0.1,
      0.8875,
      0.1975,
      0.9875,
      0.2975,
      1.085,
      0.395,
      1.185,
      0.495,
      1.2825,
      0.5925,
      1.3825,
      0.6925,
      0,
      0.79,
      0.1,
      0.8875,
      0.1975,
      0.9875,
      0.2975,
      1.085,
      0.395,
      1.185,
      0.495,
      1.2825,
      0.5925,
      1.3825
    ],
    "SoftwareVersions": "syngo_MR_D13D",
    "StationName": "AWP66018",
    "TaskDescription": "Passively listened to audio story 'schema'",
    "TaskName": "schema",
    "TotalReadoutTime": 0.0883478,
    "dataset": "ds002345",
    "modality": "bold",
    "run_id": 1,
    "subject_id": "132",
    "task_id": "schema"
  },
  "dummy_trs": 0,
  "dvars_nstd": 35.07804658692457,
  "dvars_std": 1.0429974555158723,
  "dvars_vstd": 0.9520477938888882,
  "efc": 0.608318394383992,
  "fber": 275.56927490234375,
  "fd_mean": 0.14834078023877692,
  "fd_num": 91,
  "fd_perc": 18.019801980198018,
  "fwhm_avg": 2.9439766666666665,
  "fwhm_x": 2.78196,
  "fwhm_y": 3.13537,
  "fwhm_z": 2.9146,
  "gcor": 0.00706887,
  "gsr_x": 0.0018934716936200857,
  "gsr_y": 0.06388866156339645,
  "provenance": {
    "md5sum": "af30503f6a37a3f8d6cd9f8102132d96",
    "settings": {
      "fd_thres": 0.2,
      "testing": false
    },
    "software": "mriqc",
    "version": "22.0.6",
    "webapi_port": null,
    "webapi_url": "https://mriqc.nimh.nih.gov/api/v1"
  },
  "size_t": 505,
  "size_x": 96,
  "size_y": 96,
  "size_z": 60,
  "snr": 2.2186262207261906,
  "spacing_tr": 1.5,
  "spacing_x": 2.0,
  "spacing_y": 2.0,
  "spacing_z": 2.0,
  "summary_bg_k": 28.318172404751195,
  "summary_bg_mad": 9.491591757915725,
  "summary_bg_mean": 50.39028549194336,
  "summary_bg_median": 27.970298767089844,
  "summary_bg_n": 303038.0,
  "summary_bg_p05": 19.592079162597656,
  "summary_bg_p95": 166.95604782104408,
  "summary_bg_stdv": 60.85435485839844,
  "summary_fg_k": 1.722743563158077,
  "summary_fg_mad": 200.25554496674494,
  "summary_fg_mean": 520.1957397460938,
  "summary_fg_median": 481.77227783203125,
  "summary_fg_n": 160516.0,
  "summary_fg_p05": 246.7955551147461,
  "summary_fg_p95": 928.2856597900391,
  "summary_fg_stdv": 217.1482391357422,
  "tsnr": 31.180477239191532
}