{
  "aor": 0.001366378269617706,
  "aqi": 0.009721341589537223,
  "bids_meta": {
    "CogAtlasID": "https://www.cognitiveatlas.org/task/id/trm_4c8991fadfe01",
    "DeviceSerialNumber": "66018",
    "DwellTime": 4.2e-06,
    "EchoTime": 0.039,
    "EffectiveEchoSpacing": 0.000929976,
    "FlipAngle": 50,
    "InstitutionAddress": "Washington Rd, Princeton, NJ 08540, USA",
    "InstitutionName": "Princeton University",
    "InstitutionalDepartmentName": "Princeton Neuroscience Institute",
    "MagneticFieldStrength": 3,
    "Manufacturer": "Siemens",
    "ManufacturersModelName": "Prisma",
    "NumberOfVolumesDiscardedByScanner": 3,
    "ParallelReductionType": "GRAPPA",
    "PartialFourier": 0.75,
    "PhaseEncodingDirection": "j-",
    "PixelBandwidth": 1240,
    "PulseSequenceDetails": "%CustomerSeq%_ep2d_bold_sms_mgh_v22",
    "PulseSequenceType": "Gradient Echo EPI",
    "ReceiveCoilActiveElements": "HC1-7;NC1,2",
    "ReceiveCoilName": "HeadNeck_64",
    "RepetitionTime": 1.5,
    "ScanOptions": "PFP_FS",
    "ScanningSequence": "EP",
    "SequenceName": "epfSM2d1_96",
    "SequenceVariant": "SK",
    "SliceTiming": [
      0.6925,
      0,
      0.79,
      0.1,
      0.8875,
      0.1975,
      0.9875,
      0.2975,
      1.085,
      0.395,
      1.185,
      0.495,
      1.2825,
      0.5925,
      1.3825,
      0.6925,
      0,
      0.79,
      0.1,
      0.8875,
      0.1975,
      0.9875,
      0.2975,
      1.085,
      0.395,
      1.185,
      0.495,
      1.2825,
      0.5925,
      1.3825,
      0.6925,
      0,
      0.79,
      0.1,
      0.8875,
      0.1975,
      0.9875,
      0.2975,
      1.085,
      0.395,
      1.185,
      0.495,
      1.2825,
      0.5925,
      1.3825,
      0.6925,
      0,
      0.79,
      0.1,
      0.8875,
      0.1975,
      0.9875,
      0.2975,
      1.085,
      0.395,
      1.185,
      0.495,
      1.2825,
      0.5925,
      1.3825
    ],
    "SoftwareVersions": "syngo_MR_D13D",
    "StationName": "AWP66018",
    "TaskDescription": "Passively listened to audio story 'schema'",
    "TaskName": "schema",
    "TotalReadoutTime": 0.0883478,
    "dataset": "ds002345",
    "modality": "bold",
    "run_id": 2,
    "subject_id": "132",
    "task_id": "schema"
  },
  "dummy_trs": 0,
  "dvars_nstd": 36.63952202556449,
  "dvars_std": 1.041020603971774,
  "dvars_vstd": 0.9573252817540332,
  "efc": 0.6124461412442286,
  "fber": 248.95687866210938,
  "fd_mean": 0.16666533624732907,
  "fd_num": 153,
  "fd_perc": 30.784708249496983,
  "fwhm_avg": 2.9678633333333333,
  "fwhm_x": 2.78267,
  "fwhm_y": 3.169485,
  "fwhm_z": 2.951435,
  "gcor": 0.00975608,
  "gsr_x": -0.004833842162042856,
  "gsr_y": 0.07395808398723602,
  "provenance": {
    "md5sum": "a56a8df2b9e5f233a6d62449e0d42d1b",
    "settings": {
      "fd_thres": 0.2,
      "testing": false
    },
    "software": "mriqc",
    "version": "22.0.6",
    "webapi_port": null,
    "webapi_url": "https://mriqc.nimh.nih.gov/api/v1"
  },
  "size_t": 497,
  "size_x": 96,
  "size_y": 96,
  "size_z": 60,
  "snr": 2.200586409970725,
  "spacing_tr": 1.5,
  "spacing_x": 2.0,
  "spacing_y": 2.0,
  "spacing_z": 2.0,
  "summary_bg_k": 41.467068005630594,
  "summary_bg_mad": 9.590676419655491,
  "summary_bg_mean": 54.053985595703125,
  "summary_bg_median": 29.545270919799805,
  "summary_bg_n": 303516.0,
  "summary_bg_p05": 21.317907333374023,
  "summary_bg_p95": 179.2711181640625,
  "summary_bg_stdv": 68.19384765625,
  "summary_fg_k": 1.638481329372321,
  "summary_fg_mad": 202.3393910689362,
  "summary_fg_mean": 521.7161254882812,
  "summary_fg_median": 482.8410339355469,
  "summary_fg_n": 161270.0,
  "summary_fg_p05": 245.31387329101562,
  "summary_fg_p95": 936.0799407958983,
  "summary_fg_stdv": 219.41403198242188,
  "tsnr": 32.03226910508238
}