{
  "aor": 0.0005632000000000001,
  "aqi": 0.0037189038000000002,
  "bids_meta": {
    "CogAtlasID": "https://www.cognitiveatlas.org/task/id/trm_4c8991fadfe01",
    "DeviceSerialNumber": "45031",
    "DwellTime": 5.4e-06,
    "EchoTime": 0.028,
    "EffectiveEchoSpacing": 0.000390001,
    "FlipAngle": 64,
    "InstitutionAddress": "Washington Rd, Princeton, NJ 08540, USA",
    "InstitutionName": "Princeton University",
    "InstitutionalDepartmentName": "Princeton Neuroscience Institute",
    "MagneticFieldStrength": 3,
    "Manufacturer": "Siemens",
    "ManufacturersModelName": "Skyra",
    "NumberOfVolumesDiscardedByScanner": 3,
    "ParallelReductionFactorInPlane": 2,
    "ParallelReductionType": "GRAPPA",
    "PartialFourier": 1,
    "PhaseEncodingDirection": "j-",
    "PixelBandwidth": 1445,
    "PulseSequenceDetails": "%SiemensSeq%_ep2d_bold",
    "PulseSequenceType": "Gradient Echo EPI",
    "ReceiveCoilActiveElements": "HE1-4",
    "ReceiveCoilName": "HeadNeck_20",
    "RepetitionTime": 1.5,
    "ScanOptions": "FS",
    "ScanningSequence": "EP",
    "SequenceName": "_epfid2d1_64",
    "SequenceVariant": "SK",
    "SliceTiming": [
      0,
      0.7775,
      0.055,
      0.8325,
      0.11,
      0.89,
      0.1675,
      0.945,
      0.2225,
      1,
      0.2775,
      1.055,
      0.3325,
      1.11,
      0.39,
      1.1675,
      0.445,
      1.2225,
      0.5,
      1.2775,
      0.555,
      1.3325,
      0.61,
      1.3875,
      0.6675,
      1.445,
      0.7225
    ],
    "SoftwareVersions": "syngo_MR_D11",
    "StationName": "AWP45031",
    "TaskDescription": "Passively listened to audio story 'pieman'",
    "TaskName": "pieman",
    "TotalReadoutTime": 0.0245701,
    "dataset": "ds002345",
    "modality": "bold",
    "subject_id": "031",
    "task_id": "pieman"
  },
  "dummy_trs": 0,
  "dvars_nstd": 16.354877998227423,
  "dvars_std": 1.1469687705016725,
  "dvars_vstd": 1.0022242751839463,
  "efc": 0.5624653351789731,
  "fber": 2600.30029296875,
  "fd_mean": 0.06885653216936174,
  "fd_num": 1,
  "fd_perc": 0.3333333333333333,
  "fwhm_avg": 1.7608275000000002,
  "fwhm_x": 1.6885766666666668,
  "fwhm_y": 1.9551933333333331,
  "fwhm_z": 1.6387125,
  "gcor": 0.0212429,
  "gsr_x": -0.01309589296579361,
  "gsr_y": 0.024738283827900887,
  "provenance": {
    "md5sum": "8240268c243435a11f21721aff4552f3",
    "settings": {
      "fd_thres": 0.2,
      "testing": false
    },
    "software": "mriqc",
    "version": "21.0.0rc2",
    "webapi_port": null,
    "webapi_url": "https://mriqc.nimh.nih.gov/api/v1"
  },
  "size_t": 300,
  "size_x": 64,
  "size_y": 64,
  "size_z": 27,
  "snr": 7.197762828056583,
  "spacing_tr": 1.5,
  "spacing_x": 3.0,
  "spacing_y": 3.0,
  "spacing_z": 4.0,
  "summary_bg_k": 21.53643181773218,
  "summary_bg_mad": 7.4179541556497055,
  "summary_bg_mean": 30.65369415283203,
  "summary_bg_median": 13.216667175292969,
  "summary_bg_n": 57651.0,
  "summary_bg_p05": 6.800000190734863,
  "summary_bg_p95": 112.63333511352539,
  "summary_bg_stdv": 47.865055084228516,
  "summary_fg_k": 1.9152658865839332,
  "summary_fg_mad": 89.52939269616577,
  "summary_fg_mean": 710.8626098632812,
  "summary_fg_median": 707.25,
  "summary_fg_n": 24663.0,
  "summary_fg_p05": 567.3683654785157,
  "summary_fg_p95": 871.4440368652341,
  "summary_fg_stdv": 98.25770568847656,
  "tsnr": 96.09216618305072
}