{
  "aor": 0.0003814932562620424,
  "aqi": 0.007958131849710984,
  "bids_meta": {
    "CogAtlasID": "https://www.cognitiveatlas.org/task/id/trm_4c8991fadfe01",
    "DeviceSerialNumber": "45031",
    "DwellTime": 5.4e-06,
    "EchoTime": 0.028,
    "EffectiveEchoSpacing": 0.000390001,
    "FlipAngle": 64,
    "InstitutionAddress": "Washington Rd, Princeton, NJ 08540, USA",
    "InstitutionName": "Princeton University",
    "InstitutionalDepartmentName": "Princeton Neuroscience Institute",
    "MagneticFieldStrength": 3,
    "Manufacturer": "Siemens",
    "ManufacturersModelName": "Skyra",
    "NumberOfVolumesDiscardedByScanner": 3,
    "ParallelReductionFactorInPlane": 2,
    "ParallelReductionType": "GRAPPA",
    "PartialFourier": 1,
    "PhaseEncodingDirection": "j-",
    "PixelBandwidth": 1445,
    "PulseSequenceDetails": "%SiemensSeq%_ep2d_bold",
    "PulseSequenceType": "Gradient Echo EPI",
    "ReceiveCoilActiveElements": "HE1-4",
    "ReceiveCoilName": "HeadNeck_20",
    "RepetitionTime": 1.5,
    "ScanOptions": "FS",
    "ScanningSequence": "EP",
    "SequenceName": "_epfid2d1_64",
    "SequenceVariant": "SK",
    "SliceTiming": [
      0,
      0.7775,
      0.055,
      0.8325,
      0.1125,
      0.89,
      0.1675,
      0.945,
      0.2225,
      1,
      0.2775,
      1.055,
      0.3325,
      1.11,
      0.39,
      1.1675,
      0.445,
      1.2225,
      0.5,
      1.2775,
      0.555,
      1.3325,
      0.6125,
      1.39,
      0.6675,
      1.445,
      0.7225
    ],
    "SoftwareVersions": "syngo_MR_D11",
    "StationName": "AWP45031",
    "TaskDescription": "Passively listened to audio story 'tunnel'",
    "TaskName": "tunnel",
    "TotalReadoutTime": 0.0245701,
    "dataset": "ds002345",
    "modality": "bold",
    "subject_id": "022",
    "task_id": "tunnel"
  },
  "dummy_trs": 2,
  "dvars_nstd": 21.72725754541951,
  "dvars_std": 1.1373614628833164,
  "dvars_vstd": 0.9915658444840889,
  "efc": 0.6209812468885256,
  "fber": 756.4861450195312,
  "fd_mean": 0.17769534873425502,
  "fd_num": 436,
  "fd_perc": 42.00385356454721,
  "fwhm_avg": 1.755653611111111,
  "fwhm_x": 1.7509266666666665,
  "fwhm_y": 1.8868566666666666,
  "fwhm_z": 1.6291775,
  "gcor": 0.0784025,
  "gsr_x": -0.0062199002131819725,
  "gsr_y": 0.018235662952065468,
  "provenance": {
    "md5sum": "cb12fb8487d395a304d82e656ed230b3",
    "settings": {
      "fd_thres": 0.2,
      "testing": false
    },
    "software": "mriqc",
    "version": "21.0.0rc2",
    "webapi_port": null,
    "webapi_url": "https://mriqc.nimh.nih.gov/api/v1"
  },
  "size_t": 1038,
  "size_x": 64,
  "size_y": 64,
  "size_z": 27,
  "snr": 7.217966415331175,
  "spacing_tr": 1.5,
  "spacing_x": 3.0,
  "spacing_y": 3.0,
  "spacing_z": 4.0,
  "summary_bg_k": 17.5679641847255,
  "summary_bg_mad": 22.354728667456996,
  "summary_bg_mean": 52.5365104675293,
  "summary_bg_median": 25.3839111328125,
  "summary_bg_n": 53046.0,
  "summary_bg_p05": 7.937379837036133,
  "summary_bg_p95": 196.03709030151367,
  "summary_bg_stdv": 79.40030670166016,
  "summary_fg_k": 1.6313425666163317,
  "summary_fg_mad": 98.26239393526001,
  "summary_fg_mean": 734.9405517578125,
  "summary_fg_median": 727.2432861328125,
  "summary_fg_n": 29566.0,
  "summary_fg_p05": 591.9381256103516,
  "summary_fg_p95": 903.5708160400391,
  "summary_fg_stdv": 100.75289154052734,
  "tsnr": 64.11045838845894
}