{
  "aor": 0.00042170000000000006,
  "aqi": 0.005299073733333334,
  "bids_meta": {
    "CogAtlasID": "https://www.cognitiveatlas.org/task/id/trm_4c8991fadfe01",
    "DeviceSerialNumber": "45031",
    "DwellTime": 5.4e-06,
    "EchoTime": 0.028,
    "EffectiveEchoSpacing": 0.000390001,
    "FlipAngle": 64,
    "InstitutionAddress": "Washington Rd, Princeton, NJ 08540, USA",
    "InstitutionName": "Princeton University",
    "InstitutionalDepartmentName": "Princeton Neuroscience Institute",
    "MagneticFieldStrength": 3,
    "Manufacturer": "Siemens",
    "ManufacturersModelName": "Skyra",
    "NumberOfVolumesDiscardedByScanner": 3,
    "ParallelReductionFactorInPlane": 2,
    "ParallelReductionType": "GRAPPA",
    "PartialFourier": 1,
    "PhaseEncodingDirection": "j-",
    "PixelBandwidth": 1445,
    "PulseSequenceDetails": "%SiemensSeq%_ep2d_bold",
    "PulseSequenceType": "Gradient Echo EPI",
    "ReceiveCoilActiveElements": "HE1-4",
    "ReceiveCoilName": "HeadNeck_20",
    "RepetitionTime": 1.5,
    "ScanOptions": "FS",
    "ScanningSequence": "EP",
    "SequenceName": "_epfid2d1_64",
    "SequenceVariant": "SK",
    "SliceTiming": [
      0,
      0.7775,
      0.055,
      0.8325,
      0.11,
      0.89,
      0.1675,
      0.945,
      0.2225,
      1,
      0.2775,
      1.055,
      0.3325,
      1.11,
      0.39,
      1.1675,
      0.445,
      1.2225,
      0.5,
      1.2775,
      0.555,
      1.3325,
      0.61,
      1.3875,
      0.6675,
      1.445,
      0.7225
    ],
    "SoftwareVersions": "syngo_MR_D11",
    "StationName": "AWP45031",
    "TaskDescription": "Passively listened to audio story 'pieman'",
    "TaskName": "pieman",
    "TotalReadoutTime": 0.0245701,
    "dataset": "ds002345",
    "modality": "bold",
    "subject_id": "022",
    "task_id": "pieman"
  },
  "dummy_trs": 0,
  "dvars_nstd": 22.60941617060199,
  "dvars_std": 1.19718968645485,
  "dvars_vstd": 1.0011289822742473,
  "efc": 0.6242239833286894,
  "fber": 681.3541870117188,
  "fd_mean": 0.18051674991505898,
  "fd_num": 135,
  "fd_perc": 45.0,
  "fwhm_avg": 1.7671530555555555,
  "fwhm_x": 1.7428966666666668,
  "fwhm_y": 1.88471,
  "fwhm_z": 1.6738525,
  "gcor": 0.0268771,
  "gsr_x": -0.012239583767950535,
  "gsr_y": 0.0180650781840086,
  "provenance": {
    "md5sum": "0995f2c3df2afd559b90fa6e0ea35213",
    "settings": {
      "fd_thres": 0.2,
      "testing": false
    },
    "software": "mriqc",
    "version": "21.0.0rc2",
    "webapi_port": null,
    "webapi_url": "https://mriqc.nimh.nih.gov/api/v1"
  },
  "size_t": 300,
  "size_x": 64,
  "size_y": 64,
  "size_z": 27,
  "snr": 7.297059364818158,
  "spacing_tr": 1.5,
  "spacing_x": 3.0,
  "spacing_y": 3.0,
  "spacing_z": 4.0,
  "summary_bg_k": 14.937657235783266,
  "summary_bg_mad": 24.976906298185217,
  "summary_bg_mean": 58.856781005859375,
  "summary_bg_median": 27.64000129699707,
  "summary_bg_n": 53030.0,
  "summary_bg_p05": 8.553333282470703,
  "summary_bg_p95": 221.39634094238255,
  "summary_bg_stdv": 84.80224609375,
  "summary_fg_k": 1.313114801805913,
  "summary_fg_mad": 103.98476432659538,
  "summary_fg_mean": 781.5167846679688,
  "summary_fg_median": 773.6983642578125,
  "summary_fg_n": 29274.0,
  "summary_fg_p05": 628.7488464355469,
  "summary_fg_p95": 959.6473541259764,
  "summary_fg_stdv": 106.0269775390625,
  "tsnr": 78.13339863438159
}