{
  "aor": 0.0015796332046332045,
  "aqi": 0.007144982818532818,
  "bids_meta": {
    "CogAtlasID": "https://www.cognitiveatlas.org/task/id/trm_4c8991fadfe01",
    "DeviceSerialNumber": "66018",
    "DwellTime": 4.2e-06,
    "EchoTime": 0.039,
    "EffectiveEchoSpacing": 0.000929976,
    "FlipAngle": 50,
    "InstitutionAddress": "Washington Rd, Princeton, NJ 08540, USA",
    "InstitutionName": "Princeton University",
    "InstitutionalDepartmentName": "Princeton Neuroscience Institute",
    "MagneticFieldStrength": 3,
    "Manufacturer": "Siemens",
    "ManufacturersModelName": "Prisma",
    "NumberOfVolumesDiscardedByScanner": 3,
    "ParallelReductionType": "GRAPPA",
    "PartialFourier": 0.75,
    "PhaseEncodingDirection": "j-",
    "PixelBandwidth": 1240,
    "PulseSequenceDetails": "%CustomerSeq%_ep2d_bold_sms_mgh_v22",
    "PulseSequenceType": "Gradient Echo EPI",
    "ReceiveCoilActiveElements": "HC1-7;NC1,2",
    "ReceiveCoilName": "HeadNeck_64",
    "RepetitionTime": 1.5,
    "ScanOptions": "PFP_FS",
    "ScanningSequence": "EP",
    "SequenceName": "epfSM2d1_96",
    "SequenceVariant": "SK",
    "SliceTiming": [
      0.6925,
      0,
      0.79,
      0.1,
      0.8875,
      0.1975,
      0.9875,
      0.2975,
      1.085,
      0.395,
      1.185,
      0.495,
      1.2825,
      0.5925,
      1.3825,
      0.6925,
      0,
      0.79,
      0.1,
      0.8875,
      0.1975,
      0.9875,
      0.2975,
      1.085,
      0.395,
      1.185,
      0.495,
      1.2825,
      0.5925,
      1.3825,
      0.6925,
      0,
      0.79,
      0.1,
      0.8875,
      0.1975,
      0.9875,
      0.2975,
      1.085,
      0.395,
      1.185,
      0.495,
      1.2825,
      0.5925,
      1.3825,
      0.6925,
      0,
      0.79,
      0.1,
      0.8875,
      0.1975,
      0.9875,
      0.2975,
      1.085,
      0.395,
      1.185,
      0.495,
      1.2825,
      0.5925,
      1.3825
    ],
    "SoftwareVersions": "syngo_MR_D13D",
    "StationName": "AWP66018",
    "TaskDescription": "Passively listened to audio story 'schema'",
    "TaskName": "schema",
    "TotalReadoutTime": 0.0883478,
    "dataset": "ds002345",
    "modality": "bold",
    "run_id": 3,
    "subject_id": "183",
    "task_id": "schema"
  },
  "dummy_trs": 0,
  "dvars_nstd": 36.223216667504836,
  "dvars_std": 1.1719152646421676,
  "dvars_vstd": 1.0068907083752416,
  "efc": 0.5785857852856022,
  "fber": 348.7613830566406,
  "fd_mean": 0.15509842227460605,
  "fd_num": 116,
  "fd_perc": 22.393822393822393,
  "fwhm_avg": 3.237486666666667,
  "fwhm_x": 3.018775,
  "fwhm_y": 3.504275,
  "fwhm_z": 3.18941,
  "gcor": 0.0435959,
  "gsr_x": 0.0015279297949746251,
  "gsr_y": 0.05159687623381615,
  "provenance": {
    "md5sum": "4342ba0040009e7d956bbb0acda27a1c",
    "settings": {
      "fd_thres": 0.2,
      "testing": false
    },
    "software": "mriqc",
    "version": "22.0.0rc1",
    "webapi_port": null,
    "webapi_url": "https://mriqc.nimh.nih.gov/api/v1"
  },
  "size_t": 518,
  "size_x": 96,
  "size_y": 96,
  "size_z": 60,
  "snr": 2.1585070327212046,
  "spacing_tr": 1.5,
  "spacing_x": 2.0,
  "spacing_y": 2.0,
  "spacing_z": 2.0,
  "summary_bg_k": 46.29747895138967,
  "summary_bg_mad": 9.888784412347755,
  "summary_bg_mean": 47.7083740234375,
  "summary_bg_median": 28.29343605041504,
  "summary_bg_n": 313636.0,
  "summary_bg_p05": 20.277992248535156,
  "summary_bg_p95": 134.88223266601562,
  "summary_bg_stdv": 56.15176773071289,
  "summary_fg_k": 2.4339156719622883,
  "summary_fg_mad": 227.30611290383035,
  "summary_fg_mean": 597.9129028320312,
  "summary_fg_median": 549.9922485351562,
  "summary_fg_n": 148612.0,
  "summary_fg_p05": 284.2292419433594,
  "summary_fg_p95": 1077.45806274414,
  "summary_fg_stdv": 254.80130004882812,
  "tsnr": 37.05164270591922
}