{
  "aor": 0.0020025708502024292,
  "aqi": 0.009125274534412958,
  "bids_meta": {
    "CogAtlasID": "https://www.cognitiveatlas.org/task/id/trm_4c8991fadfe01",
    "DeviceSerialNumber": "66018",
    "DwellTime": 4.2e-06,
    "EchoTime": 0.039,
    "EffectiveEchoSpacing": 0.000929976,
    "FlipAngle": 50,
    "InstitutionAddress": "Washington Rd, Princeton, NJ 08540, USA",
    "InstitutionName": "Princeton University",
    "InstitutionalDepartmentName": "Princeton Neuroscience Institute",
    "MagneticFieldStrength": 3,
    "Manufacturer": "Siemens",
    "ManufacturersModelName": "Prisma",
    "NumberOfVolumesDiscardedByScanner": 3,
    "ParallelReductionType": "GRAPPA",
    "PartialFourier": 0.75,
    "PhaseEncodingDirection": "j-",
    "PixelBandwidth": 1240,
    "PulseSequenceDetails": "%CustomerSeq%_ep2d_bold_sms_mgh_v22",
    "PulseSequenceType": "Gradient Echo EPI",
    "ReceiveCoilActiveElements": "HC1-7;NC1,2",
    "ReceiveCoilName": "HeadNeck_64",
    "RepetitionTime": 1.5,
    "ScanOptions": "PFP_FS",
    "ScanningSequence": "EP",
    "SequenceName": "epfSM2d1_96",
    "SequenceVariant": "SK",
    "SliceTiming": [
      0.6925,
      0,
      0.79,
      0.1,
      0.8875,
      0.1975,
      0.9875,
      0.2975,
      1.085,
      0.395,
      1.185,
      0.495,
      1.2825,
      0.5925,
      1.3825,
      0.6925,
      0,
      0.79,
      0.1,
      0.8875,
      0.1975,
      0.9875,
      0.2975,
      1.085,
      0.395,
      1.185,
      0.495,
      1.2825,
      0.5925,
      1.3825,
      0.6925,
      0,
      0.79,
      0.1,
      0.8875,
      0.1975,
      0.9875,
      0.2975,
      1.085,
      0.395,
      1.185,
      0.495,
      1.2825,
      0.5925,
      1.3825,
      0.6925,
      0,
      0.79,
      0.1,
      0.8875,
      0.1975,
      0.9875,
      0.2975,
      1.085,
      0.395,
      1.185,
      0.495,
      1.2825,
      0.5925,
      1.3825
    ],
    "SoftwareVersions": "syngo_MR_D13D",
    "StationName": "AWP66018",
    "TaskDescription": "Passively listened to audio story 'schema'",
    "TaskName": "schema",
    "TotalReadoutTime": 0.0883478,
    "dataset": "ds002345",
    "modality": "bold",
    "run_id": 1,
    "subject_id": "183",
    "task_id": "schema"
  },
  "dummy_trs": 0,
  "dvars_nstd": 35.14666573939147,
  "dvars_std": 1.1399464176673433,
  "dvars_vstd": 0.9955955268357002,
  "efc": 0.5763552834302644,
  "fber": 351.3108825683594,
  "fd_mean": 0.14480122191153227,
  "fd_num": 75,
  "fd_perc": 15.182186234817813,
  "fwhm_avg": 3.2407033333333337,
  "fwhm_x": 3.000555,
  "fwhm_y": 3.52294,
  "fwhm_z": 3.198615,
  "gcor": 0.0208765,
  "gsr_x": 0.0005274217110127211,
  "gsr_y": 0.050967056304216385,
  "provenance": {
    "md5sum": "49648bf14d048efc90c417eb22e56ee7",
    "settings": {
      "fd_thres": 0.2,
      "testing": false
    },
    "software": "mriqc",
    "version": "22.0.0rc1",
    "webapi_port": null,
    "webapi_url": "https://mriqc.nimh.nih.gov/api/v1"
  },
  "size_t": 494,
  "size_x": 96,
  "size_y": 96,
  "size_z": 60,
  "snr": 2.161223328842458,
  "spacing_tr": 1.5,
  "spacing_x": 2.0,
  "spacing_y": 2.0,
  "spacing_z": 2.0,
  "summary_bg_k": 45.10081273647275,
  "summary_bg_mad": 10.678336943823382,
  "summary_bg_mean": 46.03562545776367,
  "summary_bg_median": 28.366397857666016,
  "summary_bg_n": 313413.0,
  "summary_bg_p05": 19.443321228027344,
  "summary_bg_p95": 126.25142211914041,
  "summary_bg_stdv": 52.58821105957031,
  "summary_fg_k": 2.3763830294070347,
  "summary_fg_mad": 228.08815752192606,
  "summary_fg_mean": 599.6326293945312,
  "summary_fg_median": 551.8603515625,
  "summary_fg_n": 148778.0,
  "summary_fg_p05": 284.91497802734375,
  "summary_fg_p95": 1080.680487060547,
  "summary_fg_stdv": 255.34542846679688,
  "tsnr": 33.21362481475808
}