{
  "aor": 0.0018034545454545454,
  "aqi": 0.005692619353535353,
  "bids_meta": {
    "CogAtlasID": "https://www.cognitiveatlas.org/task/id/trm_4c8991fadfe01",
    "DeviceSerialNumber": "66018",
    "DwellTime": 4.2e-06,
    "EchoTime": 0.039,
    "EffectiveEchoSpacing": 0.000929976,
    "FlipAngle": 50,
    "InstitutionAddress": "Washington Rd, Princeton, NJ 08540, USA",
    "InstitutionName": "Princeton University",
    "InstitutionalDepartmentName": "Princeton Neuroscience Institute",
    "MagneticFieldStrength": 3,
    "Manufacturer": "Siemens",
    "ManufacturersModelName": "Prisma",
    "NumberOfVolumesDiscardedByScanner": 3,
    "ParallelReductionType": "GRAPPA",
    "PartialFourier": 0.75,
    "PhaseEncodingDirection": "j-",
    "PixelBandwidth": 1240,
    "PulseSequenceDetails": "%CustomerSeq%_ep2d_bold_sms_mgh_v22",
    "PulseSequenceType": "Gradient Echo EPI",
    "ReceiveCoilActiveElements": "HC1-7;NC1,2",
    "ReceiveCoilName": "HeadNeck_64",
    "RepetitionTime": 1.5,
    "ScanOptions": "PFP_FS",
    "ScanningSequence": "EP",
    "SequenceName": "epfSM2d1_96",
    "SequenceVariant": "SK",
    "SliceTiming": [
      0.6925,
      0,
      0.79,
      0.1,
      0.8875,
      0.1975,
      0.9875,
      0.2975,
      1.085,
      0.395,
      1.185,
      0.495,
      1.2825,
      0.5925,
      1.3825,
      0.6925,
      0,
      0.79,
      0.1,
      0.8875,
      0.1975,
      0.9875,
      0.2975,
      1.085,
      0.395,
      1.185,
      0.495,
      1.2825,
      0.5925,
      1.3825,
      0.6925,
      0,
      0.79,
      0.1,
      0.8875,
      0.1975,
      0.9875,
      0.2975,
      1.085,
      0.395,
      1.185,
      0.495,
      1.2825,
      0.5925,
      1.3825,
      0.6925,
      0,
      0.79,
      0.1,
      0.8875,
      0.1975,
      0.9875,
      0.2975,
      1.085,
      0.395,
      1.185,
      0.495,
      1.2825,
      0.5925,
      1.3825
    ],
    "SoftwareVersions": "syngo_MR_D13D",
    "StationName": "AWP66018",
    "TaskDescription": "Passively listened to audio story 'schema'",
    "TaskName": "schema",
    "TotalReadoutTime": 0.0883478,
    "dataset": "ds002345",
    "modality": "bold",
    "run_id": 2,
    "subject_id": "183",
    "task_id": "schema"
  },
  "dummy_trs": 0,
  "dvars_nstd": 35.515041208319815,
  "dvars_std": 1.173151170728746,
  "dvars_vstd": 1.0107891021659923,
  "efc": 0.5774639546332003,
  "fber": 351.81201171875,
  "fd_mean": 0.1435838009830865,
  "fd_num": 78,
  "fd_perc": 15.757575757575758,
  "fwhm_avg": 3.2165666666666666,
  "fwhm_x": 2.998485,
  "fwhm_y": 3.47737,
  "fwhm_z": 3.173845,
  "gcor": 0.0301049,
  "gsr_x": 0.0017616580007597804,
  "gsr_y": 0.05006403103470802,
  "provenance": {
    "md5sum": "d749d5e095d18b0f44e1e79941d8b1cc",
    "settings": {
      "fd_thres": 0.2,
      "testing": false
    },
    "software": "mriqc",
    "version": "22.0.0rc1",
    "webapi_port": null,
    "webapi_url": "https://mriqc.nimh.nih.gov/api/v1"
  },
  "size_t": 495,
  "size_x": 96,
  "size_y": 96,
  "size_z": 60,
  "snr": 2.1618622821278572,
  "spacing_tr": 1.5,
  "spacing_x": 2.0,
  "spacing_y": 2.0,
  "spacing_z": 2.0,
  "summary_bg_k": 45.20318366320359,
  "summary_bg_mad": 9.249042324234882,
  "summary_bg_mean": 46.77825164794922,
  "summary_bg_median": 28.02222442626953,
  "summary_bg_n": 313988.0,
  "summary_bg_p05": 20.61616325378418,
  "summary_bg_p95": 129.64041137695312,
  "summary_bg_stdv": 53.802188873291016,
  "summary_fg_k": 2.4624827687994966,
  "summary_fg_mad": 225.9366242579036,
  "summary_fg_mean": 595.354736328125,
  "summary_fg_median": 547.506103515625,
  "summary_fg_n": 148264.0,
  "summary_fg_p05": 283.8470748901367,
  "summary_fg_p95": 1071.1388000488282,
  "summary_fg_stdv": 253.25584411621094,
  "tsnr": 39.91825447557494
}