{
  "aor": 0.0027605964214711728,
  "aqi": 0.006725089622266401,
  "bids_meta": {
    "CogAtlasID": "https://www.cognitiveatlas.org/task/id/trm_4c8991fadfe01",
    "DeviceSerialNumber": "66018",
    "DwellTime": 4.2e-06,
    "EchoTime": 0.039,
    "EffectiveEchoSpacing": 0.000929976,
    "FlipAngle": 50,
    "InstitutionAddress": "Washington Rd, Princeton, NJ 08540, USA",
    "InstitutionName": "Princeton University",
    "InstitutionalDepartmentName": "Princeton Neuroscience Institute",
    "MagneticFieldStrength": 3,
    "Manufacturer": "Siemens",
    "ManufacturersModelName": "Prisma",
    "NumberOfVolumesDiscardedByScanner": 3,
    "ParallelReductionType": "GRAPPA",
    "PartialFourier": 0.75,
    "PhaseEncodingDirection": "j-",
    "PixelBandwidth": 1240,
    "PulseSequenceDetails": "%CustomerSeq%_ep2d_bold_sms_mgh_v22",
    "PulseSequenceType": "Gradient Echo EPI",
    "ReceiveCoilActiveElements": "HC1-7;NC1,2",
    "ReceiveCoilName": "HeadNeck_64",
    "RepetitionTime": 1.5,
    "ScanOptions": "PFP_FS",
    "ScanningSequence": "EP",
    "SequenceName": "epfSM2d1_96",
    "SequenceVariant": "SK",
    "SliceTiming": [
      0.6925,
      0,
      0.79,
      0.1,
      0.8875,
      0.1975,
      0.9875,
      0.2975,
      1.085,
      0.395,
      1.185,
      0.495,
      1.2825,
      0.5925,
      1.3825,
      0.6925,
      0,
      0.79,
      0.1,
      0.8875,
      0.1975,
      0.9875,
      0.2975,
      1.085,
      0.395,
      1.185,
      0.495,
      1.2825,
      0.5925,
      1.3825,
      0.6925,
      0,
      0.79,
      0.1,
      0.8875,
      0.1975,
      0.9875,
      0.2975,
      1.085,
      0.395,
      1.185,
      0.495,
      1.2825,
      0.5925,
      1.3825,
      0.6925,
      0,
      0.79,
      0.1,
      0.8875,
      0.1975,
      0.9875,
      0.2975,
      1.085,
      0.395,
      1.185,
      0.495,
      1.2825,
      0.5925,
      1.3825
    ],
    "SoftwareVersions": "syngo_MR_D13D",
    "StationName": "AWP66018",
    "TaskDescription": "Passively listened to audio story 'schema'",
    "TaskName": "schema",
    "TotalReadoutTime": 0.0883478,
    "dataset": "ds002345",
    "modality": "bold",
    "run_id": 4,
    "subject_id": "183",
    "task_id": "schema"
  },
  "dummy_trs": 1,
  "dvars_nstd": 37.22461496772913,
  "dvars_std": 1.1455934270916333,
  "dvars_vstd": 1.0081155201593612,
  "efc": 0.5798913516475295,
  "fber": 336.6619873046875,
  "fd_mean": 0.18731425019605671,
  "fd_num": 145,
  "fd_perc": 28.82703777335984,
  "fwhm_avg": 3.2164133333333336,
  "fwhm_x": 3.00278,
  "fwhm_y": 3.49081,
  "fwhm_z": 3.15565,
  "gcor": 0.0353902,
  "gsr_x": 0.0026299457531422377,
  "gsr_y": 0.0502224899828434,
  "provenance": {
    "md5sum": "9ad90dc78f653b26fa9d5a168def7714",
    "settings": {
      "fd_thres": 0.2,
      "testing": false
    },
    "software": "mriqc",
    "version": "22.0.0rc1",
    "webapi_port": null,
    "webapi_url": "https://mriqc.nimh.nih.gov/api/v1"
  },
  "size_t": 503,
  "size_x": 96,
  "size_y": 96,
  "size_z": 60,
  "snr": 2.1606086837672582,
  "spacing_tr": 1.5,
  "spacing_x": 2.0,
  "spacing_y": 2.0,
  "spacing_z": 2.0,
  "summary_bg_k": 43.605064297993415,
  "summary_bg_mad": 9.717971606396421,
  "summary_bg_mean": 47.95342254638672,
  "summary_bg_median": 28.620277404785156,
  "summary_bg_n": 313740.0,
  "summary_bg_p05": 20.75546646118164,
  "summary_bg_p95": 135.61460189819329,
  "summary_bg_stdv": 55.06732940673828,
  "summary_fg_k": 2.494311439026454,
  "summary_fg_mad": 225.46607179597555,
  "summary_fg_mean": 594.040771484375,
  "summary_fg_median": 546.4124755859375,
  "summary_fg_n": 148592.0,
  "summary_fg_p05": 282.7496795654297,
  "summary_fg_p95": 1069.2759948730463,
  "summary_fg_stdv": 252.89662170410156,
  "tsnr": 36.897003913414665
}