{
  "aor": 0.0016801672240802676,
  "aqi": 0.007381567424749164,
  "bids_meta": {
    "CogAtlasID": "https://www.cognitiveatlas.org/task/id/trm_4c8991fadfe01",
    "DeviceSerialNumber": "45031",
    "DwellTime": 5.4e-06,
    "EchoTime": 0.028,
    "EffectiveEchoSpacing": 0.000390001,
    "FlipAngle": 64,
    "InstitutionAddress": "Washington Rd, Princeton, NJ 08540, USA",
    "InstitutionName": "Princeton University",
    "InstitutionalDepartmentName": "Princeton Neuroscience Institute",
    "MagneticFieldStrength": 3,
    "Manufacturer": "Siemens",
    "ManufacturersModelName": "Skyra",
    "NumberOfVolumesDiscardedByScanner": 3,
    "ParallelReductionFactorInPlane": 2,
    "ParallelReductionType": "GRAPPA",
    "PartialFourier": 1,
    "PhaseEncodingDirection": "j-",
    "PixelBandwidth": 1445,
    "PulseSequenceDetails": "%SiemensSeq%_ep2d_bold",
    "PulseSequenceType": "Gradient Echo EPI",
    "ReceiveCoilActiveElements": "HE1-4",
    "ReceiveCoilName": "HeadNeck_20",
    "RepetitionTime": 1.5,
    "ScanOptions": "FS",
    "ScanningSequence": "EP",
    "SequenceName": "_epfid2d1_64",
    "SequenceVariant": "SK",
    "SliceTiming": [
      0,
      0.7775,
      0.055,
      0.8325,
      0.11,
      0.89,
      0.1675,
      0.945,
      0.2225,
      1,
      0.2775,
      1.055,
      0.3325,
      1.11,
      0.39,
      1.1675,
      0.445,
      1.2225,
      0.5,
      1.2775,
      0.555,
      1.3325,
      0.61,
      1.3875,
      0.6675,
      1.445,
      0.7225
    ],
    "SoftwareVersions": "syngo_MR_D11",
    "StationName": "AWP45031",
    "TaskDescription": "Passively listened to audio story 'pieman'",
    "TaskName": "pieman",
    "TotalReadoutTime": 0.0245701,
    "dataset": "ds002345",
    "modality": "bold",
    "subject_id": "054",
    "task_id": "pieman"
  },
  "dummy_trs": 1,
  "dvars_nstd": 24.688954180469796,
  "dvars_std": 1.276023969228188,
  "dvars_vstd": 1.0123125357718121,
  "efc": 0.6596627852380857,
  "fber": 918.2862548828125,
  "fd_mean": 0.16042029280599884,
  "fd_num": 72,
  "fd_perc": 24.08026755852843,
  "fwhm_avg": 1.713619722222222,
  "fwhm_x": 1.69633,
  "fwhm_y": 1.8992066666666665,
  "fwhm_z": 1.5453225,
  "gcor": 0.0205116,
  "gsr_x": 0.0010312467347830534,
  "gsr_y": 0.04646984487771988,
  "provenance": {
    "md5sum": "b92f851940e1a624632237538ea3d637",
    "settings": {
      "fd_thres": 0.2,
      "testing": false
    },
    "software": "mriqc",
    "version": "21.0.0rc2",
    "webapi_port": null,
    "webapi_url": "https://mriqc.nimh.nih.gov/api/v1"
  },
  "size_t": 299,
  "size_x": 64,
  "size_y": 64,
  "size_z": 27,
  "snr": 6.5856215329990935,
  "spacing_tr": 1.5,
  "spacing_x": 3.0,
  "spacing_y": 3.0,
  "spacing_z": 4.0,
  "summary_bg_k": 9.619775874914543,
  "summary_bg_mad": 18.91185409696322,
  "summary_bg_mean": 68.7667236328125,
  "summary_bg_median": 22.93645477294922,
  "summary_bg_n": 48625.0,
  "summary_bg_p05": 8.551839828491211,
  "summary_bg_p95": 308.4809387207027,
  "summary_bg_stdv": 104.48050689697266,
  "summary_fg_k": 3.0149963328846123,
  "summary_fg_mad": 100.67067238632195,
  "summary_fg_mean": 772.5430908203125,
  "summary_fg_median": 762.8143920898438,
  "summary_fg_n": 33356.0,
  "summary_fg_p05": 617.4021606445312,
  "summary_fg_p95": 963.8578338623047,
  "summary_fg_stdv": 115.82854461669922,
  "tsnr": 68.32202689955011
}