{
  "aor": 0.00469359375,
  "aqi": 0.01011477090625,
  "bids_meta": {
    "CogAtlasID": "https://www.cognitiveatlas.org/task/id/trm_4c8991fadfe01",
    "DeviceSerialNumber": "66018",
    "DwellTime": 4.2e-06,
    "EchoTime": 0.039,
    "EffectiveEchoSpacing": 0.000929976,
    "FlipAngle": 50,
    "InstitutionAddress": "Washington Rd, Princeton, NJ 08540, USA",
    "InstitutionName": "Princeton University",
    "InstitutionalDepartmentName": "Princeton Neuroscience Institute",
    "MagneticFieldStrength": 3,
    "Manufacturer": "Siemens",
    "ManufacturersModelName": "Prisma",
    "NumberOfVolumesDiscardedByScanner": 3,
    "ParallelReductionType": "GRAPPA",
    "PartialFourier": 0.75,
    "PhaseEncodingDirection": "j-",
    "PixelBandwidth": 1240,
    "PulseSequenceDetails": "%CustomerSeq%_ep2d_bold_sms_mgh_v22",
    "PulseSequenceType": "Gradient Echo EPI",
    "ReceiveCoilActiveElements": "HC1-7;NC1,2",
    "ReceiveCoilName": "HeadNeck_64",
    "RepetitionTime": 1.5,
    "ScanOptions": "PFP_FS",
    "ScanningSequence": "EP",
    "SequenceName": "epfSM2d1_96",
    "SequenceVariant": "SK",
    "SliceTiming": [
      0.6925,
      0,
      0.79,
      0.1,
      0.8875,
      0.1975,
      0.9875,
      0.2975,
      1.085,
      0.395,
      1.185,
      0.495,
      1.2825,
      0.5925,
      1.3825,
      0.6925,
      0,
      0.79,
      0.1,
      0.8875,
      0.1975,
      0.9875,
      0.2975,
      1.085,
      0.395,
      1.185,
      0.495,
      1.2825,
      0.5925,
      1.3825,
      0.6925,
      0,
      0.79,
      0.1,
      0.8875,
      0.1975,
      0.9875,
      0.2975,
      1.085,
      0.395,
      1.185,
      0.495,
      1.2825,
      0.5925,
      1.3825,
      0.6925,
      0,
      0.79,
      0.1,
      0.8875,
      0.1975,
      0.9875,
      0.2975,
      1.085,
      0.395,
      1.185,
      0.495,
      1.2825,
      0.5925,
      1.3825
    ],
    "SoftwareVersions": "syngo_MR_D13D",
    "StationName": "AWP66018",
    "TaskDescription": "Passively listened to audio story 'shapessocial'",
    "TaskName": "shapessocial",
    "TotalReadoutTime": 0.0883478,
    "dataset": "ds002345",
    "modality": "bold",
    "subject_id": "238",
    "task_id": "shapessocial"
  },
  "dummy_trs": 1,
  "dvars_nstd": 34.13506571877742,
  "dvars_std": 1.0852493050470227,
  "dvars_vstd": 1.0362363445768026,
  "efc": 0.5877378099519592,
  "fber": 178.1220245361328,
  "fd_mean": 0.1273690678510549,
  "fd_num": 30,
  "fd_perc": 9.375,
  "fwhm_avg": 2.7811349999999995,
  "fwhm_x": 2.506245,
  "fwhm_y": 2.992595,
  "fwhm_z": 2.844565,
  "gcor": 0.00705155,
  "gsr_x": -0.005032266024500132,
  "gsr_y": 0.04053372144699097,
  "provenance": {
    "md5sum": "7028cddcfd84bd326582e55f64645e4e",
    "settings": {
      "fd_thres": 0.2,
      "testing": false
    },
    "software": "mriqc",
    "version": "22.0.0rc1",
    "webapi_port": null,
    "webapi_url": "https://mriqc.nimh.nih.gov/api/v1"
  },
  "size_t": 320,
  "size_x": 96,
  "size_y": 96,
  "size_z": 60,
  "snr": 2.6024458178649224,
  "spacing_tr": 1.5,
  "spacing_x": 2.0,
  "spacing_y": 2.0,
  "spacing_z": 2.0,
  "summary_bg_k": 86.22215149283464,
  "summary_bg_mad": 4.744325402514337,
  "summary_bg_mean": 42.77900314331055,
  "summary_bg_median": 33.4375,
  "summary_bg_n": 333064.0,
  "summary_bg_p05": 29.36250114440918,
  "summary_bg_p95": 78.80000305175781,
  "summary_bg_stdv": 34.94258499145508,
  "summary_fg_k": 3.161135434979646,
  "summary_fg_mad": 151.6261876752183,
  "summary_fg_mean": 486.6832580566406,
  "summary_fg_median": 460.6312561035156,
  "summary_fg_n": 133772.0,
  "summary_fg_p05": 254.49547119140624,
  "summary_fg_p95": 799.6278289794922,
  "summary_fg_stdv": 176.9987030029297,
  "tsnr": 34.60506269475445
}