{
  "aor": 0.0009759354838709679,
  "aqi": 0.018667571612903226,
  "bids_meta": {
    "CogAtlasID": "https://www.cognitiveatlas.org/task/id/trm_4c8991fadfe01",
    "DeviceSerialNumber": "66018",
    "DwellTime": 4.2e-06,
    "EchoTime": 0.039,
    "EffectiveEchoSpacing": 0.000929976,
    "FlipAngle": 50,
    "InstitutionAddress": "Washington Rd, Princeton, NJ 08540, USA",
    "InstitutionName": "Princeton University",
    "InstitutionalDepartmentName": "Princeton Neuroscience Institute",
    "MagneticFieldStrength": 3,
    "Manufacturer": "Siemens",
    "ManufacturersModelName": "Prisma",
    "NumberOfVolumesDiscardedByScanner": 3,
    "ParallelReductionType": "GRAPPA",
    "PartialFourier": 0.75,
    "PhaseEncodingDirection": "j-",
    "PixelBandwidth": 1240,
    "PulseSequenceDetails": "%CustomerSeq%_ep2d_bold_sms_mgh_v22",
    "PulseSequenceType": "Gradient Echo EPI",
    "ReceiveCoilActiveElements": "HC1-7;NC1,2",
    "ReceiveCoilName": "HeadNeck_64",
    "RepetitionTime": 1.5,
    "ScanOptions": "PFP_FS",
    "ScanningSequence": "EP",
    "SequenceName": "epfSM2d1_96",
    "SequenceVariant": "SK",
    "SliceTiming": [
      0.6925,
      0,
      0.79,
      0.1,
      0.8875,
      0.1975,
      0.9875,
      0.2975,
      1.085,
      0.395,
      1.185,
      0.495,
      1.2825,
      0.5925,
      1.3825,
      0.6925,
      0,
      0.79,
      0.1,
      0.8875,
      0.1975,
      0.9875,
      0.2975,
      1.085,
      0.395,
      1.185,
      0.495,
      1.2825,
      0.5925,
      1.3825,
      0.6925,
      0,
      0.79,
      0.1,
      0.8875,
      0.1975,
      0.9875,
      0.2975,
      1.085,
      0.395,
      1.185,
      0.495,
      1.2825,
      0.5925,
      1.3825,
      0.6925,
      0,
      0.79,
      0.1,
      0.8875,
      0.1975,
      0.9875,
      0.2975,
      1.085,
      0.395,
      1.185,
      0.495,
      1.2825,
      0.5925,
      1.3825
    ],
    "SoftwareVersions": "syngo_MR_D13D",
    "StationName": "AWP66018",
    "TaskDescription": "Passively listened to audio story 'shapesphysical'",
    "TaskName": "shapesphysical",
    "TotalReadoutTime": 0.0883478,
    "dataset": "ds002345",
    "modality": "bold",
    "subject_id": "238",
    "task_id": "shapesphysical"
  },
  "dummy_trs": 0,
  "dvars_nstd": 41.43581995932039,
  "dvars_std": 1.0333047856310682,
  "dvars_vstd": 0.9477518717475726,
  "efc": 0.5645237465611296,
  "fber": 325.2996826171875,
  "fd_mean": 0.2388373026682236,
  "fd_num": 140,
  "fd_perc": 45.16129032258065,
  "fwhm_avg": 2.762238333333334,
  "fwhm_x": 2.51257,
  "fwhm_y": 2.96028,
  "fwhm_z": 2.813865,
  "gcor": 0.0235055,
  "gsr_x": 0.0035635842941701412,
  "gsr_y": 0.03986476734280586,
  "provenance": {
    "md5sum": "e1f794be95babc65122a0b7c143e4702",
    "settings": {
      "fd_thres": 0.2,
      "testing": false
    },
    "software": "mriqc",
    "version": "22.0.0rc1",
    "webapi_port": null,
    "webapi_url": "https://mriqc.nimh.nih.gov/api/v1"
  },
  "size_t": 310,
  "size_x": 96,
  "size_y": 96,
  "size_z": 60,
  "snr": 2.7110656167862404,
  "spacing_tr": 1.5,
  "spacing_x": 2.0,
  "spacing_y": 2.0,
  "spacing_z": 2.0,
  "summary_bg_k": 62.21232122536088,
  "summary_bg_mad": 5.9973664533104625,
  "summary_bg_mean": 37.847618103027344,
  "summary_bg_median": 25.138710021972656,
  "summary_bg_n": 339381.0,
  "summary_bg_p05": 19.88387107849121,
  "summary_bg_p95": 85.67742156982422,
  "summary_bg_stdv": 47.0926628112793,
  "summary_fg_k": 2.7721075001679294,
  "summary_fg_mad": 149.65672201761876,
  "summary_fg_mean": 491.79034423828125,
  "summary_fg_median": 465.0257873535156,
  "summary_fg_n": 129633.0,
  "summary_fg_p05": 268.3387145996094,
  "summary_fg_p95": 798.2696777343749,
  "summary_fg_stdv": 171.5281219482422,
  "tsnr": 28.170747245894745
}