{
  "aor": 0.00442969696969697,
  "aqi": 0.020066293333333336,
  "bids_meta": {
    "CogAtlasID": "https://www.cognitiveatlas.org/task/id/trm_4c8991fadfe01",
    "DeviceSerialNumber": "45031",
    "DwellTime": 5.4e-06,
    "EchoTime": 0.028,
    "EffectiveEchoSpacing": 0.000390001,
    "FlipAngle": 64,
    "InstitutionAddress": "Washington Rd, Princeton, NJ 08540, USA",
    "InstitutionName": "Princeton University",
    "InstitutionalDepartmentName": "Princeton Neuroscience Institute",
    "MagneticFieldStrength": 3,
    "Manufacturer": "Siemens",
    "ManufacturersModelName": "Skyra",
    "NumberOfVolumesDiscardedByScanner": 3,
    "ParallelReductionFactorInPlane": 2,
    "ParallelReductionType": "GRAPPA",
    "PartialFourier": 1,
    "PhaseEncodingDirection": "j-",
    "PixelBandwidth": 1445,
    "PulseSequenceDetails": "%SiemensSeq%_ep2d_bold",
    "PulseSequenceType": "Gradient Echo EPI",
    "ReceiveCoilActiveElements": "HE1-4",
    "ReceiveCoilName": "HeadNeck_20",
    "RepetitionTime": 1.52,
    "ScanOptions": "FS",
    "ScanningSequence": "EP",
    "SequenceName": "_epfid2d1_64",
    "SequenceVariant": "SK",
    "SliceTiming": [
      0,
      0.7775,
      0.0575,
      0.835,
      0.1125,
      0.89,
      0.1675,
      0.945,
      0.2225,
      1,
      0.2775,
      1.055,
      0.335,
      1.1125,
      0.39,
      1.1675,
      0.445,
      1.2225,
      0.5,
      1.2775,
      0.5575,
      1.335,
      0.6125,
      1.39,
      0.6675,
      1.445,
      0.7225
    ],
    "SoftwareVersions": "syngo_MR_E11",
    "StationName": "AWP45031",
    "TaskDescription": "Passively listened to audio story 'milkyway'",
    "TaskName": "milkyway",
    "TotalReadoutTime": 0.0245701,
    "dataset": "ds002345",
    "modality": "bold",
    "subject_id": "121",
    "task_id": "milkyway"
  },
  "dummy_trs": 0,
  "dvars_nstd": 27.758761960101346,
  "dvars_std": 1.2496385810810808,
  "dvars_vstd": 1.0260334323986477,
  "efc": 0.5732356855761643,
  "fber": 2339.220703125,
  "fd_mean": 0.1945555404764601,
  "fd_num": 140,
  "fd_perc": 47.138047138047135,
  "fwhm_avg": 1.6757480555555555,
  "fwhm_x": 1.6534033333333333,
  "fwhm_y": 1.9436533333333335,
  "fwhm_z": 1.4301875,
  "gcor": 0.009658,
  "gsr_x": 0.0027224435470998287,
  "gsr_y": 0.06081186234951019,
  "provenance": {
    "md5sum": "20314a7f808902297cd1d6291adba4a3",
    "settings": {
      "fd_thres": 0.2,
      "testing": false
    },
    "software": "mriqc",
    "version": "22.0.0rc1",
    "webapi_port": null,
    "webapi_url": "https://mriqc.nimh.nih.gov/api/v1"
  },
  "size_t": 297,
  "size_x": 64,
  "size_y": 64,
  "size_z": 27,
  "snr": 7.240446366089351,
  "spacing_tr": 1.5199999809265137,
  "spacing_x": 3.0,
  "spacing_y": 3.0,
  "spacing_z": 4.0,
  "summary_bg_k": 22.97924514822043,
  "summary_bg_mad": 10.0737081364783,
  "summary_bg_mean": 43.78632354736328,
  "summary_bg_median": 14.222222328186035,
  "summary_bg_n": 57739.0,
  "summary_bg_p05": 5.929292678833008,
  "summary_bg_p95": 179.4134613037109,
  "summary_bg_stdv": 80.3753662109375,
  "summary_fg_k": 3.1777881662652723,
  "summary_fg_mad": 88.69153784135965,
  "summary_fg_mean": 721.7332763671875,
  "summary_fg_median": 713.6026611328125,
  "summary_fg_n": 24699.0,
  "summary_fg_p05": 590.765283203125,
  "summary_fg_p95": 884.5120788574218,
  "summary_fg_stdv": 98.55583190917969,
  "tsnr": 51.467590444372036
}