{
  "aor": 0.0006171704180064309,
  "aqi": 0.003386743215434084,
  "bids_meta": {
    "CogAtlasID": "https://www.cognitiveatlas.org/task/id/trm_4c8991fadfe01",
    "DeviceSerialNumber": "66018",
    "DwellTime": 4.2e-06,
    "EchoTime": 0.039,
    "EffectiveEchoSpacing": 0.000929976,
    "FlipAngle": 50,
    "InstitutionAddress": "Washington Rd, Princeton, NJ 08540, USA",
    "InstitutionName": "Princeton University",
    "InstitutionalDepartmentName": "Princeton Neuroscience Institute",
    "MagneticFieldStrength": 3,
    "Manufacturer": "Siemens",
    "ManufacturersModelName": "Prisma",
    "NumberOfVolumesDiscardedByScanner": 3,
    "ParallelReductionType": "GRAPPA",
    "PartialFourier": 0.75,
    "PhaseEncodingDirection": "j-",
    "PixelBandwidth": 1240,
    "PulseSequenceDetails": "%CustomerSeq%_ep2d_bold_sms_mgh_v22",
    "PulseSequenceType": "Gradient Echo EPI",
    "ReceiveCoilActiveElements": "HC1-7;NC1,2",
    "ReceiveCoilName": "HeadNeck_64",
    "RepetitionTime": 1.5,
    "ScanOptions": "PFP_FS",
    "ScanningSequence": "EP",
    "SequenceName": "epfSM2d1_96",
    "SequenceVariant": "SK",
    "SliceTiming": [
      0.6925,
      0,
      0.79,
      0.1,
      0.8875,
      0.1975,
      0.9875,
      0.2975,
      1.085,
      0.395,
      1.185,
      0.495,
      1.2825,
      0.5925,
      1.3825,
      0.6925,
      0,
      0.79,
      0.1,
      0.8875,
      0.1975,
      0.9875,
      0.2975,
      1.085,
      0.395,
      1.185,
      0.495,
      1.2825,
      0.5925,
      1.3825,
      0.6925,
      0,
      0.79,
      0.1,
      0.8875,
      0.1975,
      0.9875,
      0.2975,
      1.085,
      0.395,
      1.185,
      0.495,
      1.2825,
      0.5925,
      1.3825,
      0.6925,
      0,
      0.79,
      0.1,
      0.8875,
      0.1975,
      0.9875,
      0.2975,
      1.085,
      0.395,
      1.185,
      0.495,
      1.2825,
      0.5925,
      1.3825
    ],
    "SoftwareVersions": "syngo_MR_D13D",
    "StationName": "AWP66018",
    "TaskDescription": "Passively listened to audio story 'shapessocial'",
    "TaskName": "shapessocial",
    "TotalReadoutTime": 0.0883478,
    "dataset": "ds002345",
    "modality": "bold",
    "subject_id": "212",
    "task_id": "shapessocial"
  },
  "dummy_trs": 1,
  "dvars_nstd": 29.40957920958066,
  "dvars_std": 1.0473181723548384,
  "dvars_vstd": 0.996995771193548,
  "efc": 0.5700395422193802,
  "fber": 383.02655029296875,
  "fd_mean": 0.07314420862605805,
  "fd_num": 1,
  "fd_perc": 0.3215434083601286,
  "fwhm_avg": 2.9191416666666665,
  "fwhm_x": 2.672195,
  "fwhm_y": 3.15799,
  "fwhm_z": 2.92724,
  "gcor": 0.00798381,
  "gsr_x": -0.0005577373085543513,
  "gsr_y": 0.056040454655885696,
  "provenance": {
    "md5sum": "d21803c1ff5d005e697d4b8685316b13",
    "settings": {
      "fd_thres": 0.2,
      "testing": false
    },
    "software": "mriqc",
    "version": "22.0.0rc1",
    "webapi_port": null,
    "webapi_url": "https://mriqc.nimh.nih.gov/api/v1"
  },
  "size_t": 311,
  "size_x": 96,
  "size_y": 96,
  "size_z": 60,
  "snr": 2.4627528636759424,
  "spacing_tr": 1.5,
  "spacing_x": 2.0,
  "spacing_y": 2.0,
  "spacing_z": 2.0,
  "summary_bg_k": 62.48082825625988,
  "summary_bg_mad": 6.273649182173637,
  "summary_bg_mean": 39.922325134277344,
  "summary_bg_median": 24.33119010925293,
  "summary_bg_n": 329185.0,
  "summary_bg_p05": 18.961414337158203,
  "summary_bg_p95": 108.75884246826172,
  "summary_bg_stdv": 49.06275177001953,
  "summary_fg_k": 1.8935206076383073,
  "summary_fg_mad": 182.99409707320805,
  "summary_fg_mean": 522.7489013671875,
  "summary_fg_median": 492.8713684082031,
  "summary_fg_n": 137619.0,
  "summary_fg_p05": 264.77781372070314,
  "summary_fg_p95": 890.5459533691401,
  "summary_fg_stdv": 200.12953186035156,
  "tsnr": 46.20252542383969
}