{
  "aor": 0.001298185053380783,
  "aqi": 0.031799663064946616,
  "bids_meta": {
    "CogAtlasID": "https://www.cognitiveatlas.org/task/id/trm_4c8991fadfe01",
    "DeviceSerialNumber": "45031",
    "DwellTime": 4.9e-06,
    "EchoTime": 0.028,
    "EffectiveEchoSpacing": 0.000355001,
    "FlipAngle": 64,
    "InstitutionAddress": "Washington Rd, Princeton, NJ 08540, USA",
    "InstitutionName": "Princeton University",
    "InstitutionalDepartmentName": "Princeton Neuroscience Institute",
    "MagneticFieldStrength": 3,
    "Manufacturer": "Siemens",
    "ManufacturersModelName": "Skyra",
    "NumberOfVolumesDiscardedByScanner": 3,
    "ParallelReductionFactorInPlane": 2,
    "ParallelReductionType": "GRAPPA",
    "PartialFourier": 1,
    "PhaseEncodingDirection": "j-",
    "PixelBandwidth": 1595,
    "PulseSequenceDetails": "%SiemensSeq%_ep2d_bold",
    "PulseSequenceType": "Gradient Echo EPI",
    "ReceiveCoilActiveElements": "HE1-4",
    "ReceiveCoilName": "HeadNeck_20",
    "RepetitionTime": 1.5,
    "ScanOptions": "FS",
    "ScanningSequence": "EP",
    "SequenceName": "_epfid2d1_64",
    "SequenceVariant": "SK",
    "SliceTiming": [
      0,
      0.7675,
      0.055,
      0.8225,
      0.11,
      0.8775,
      0.165,
      0.9325,
      0.22,
      0.9875,
      0.275,
      1.0425,
      0.33,
      1.0975,
      0.385,
      1.1525,
      0.44,
      1.2075,
      0.495,
      1.2625,
      0.55,
      1.315,
      0.6025,
      1.37,
      0.6575,
      1.425,
      0.7125
    ],
    "SoftwareVersions": "syngo_MR_E11",
    "StationName": "AWP45031",
    "TaskDescription": "Passively listened to audio story '21styear'",
    "TaskName": "21styear",
    "TotalReadoutTime": 0.022365,
    "dataset": "ds002345",
    "modality": "bold",
    "subject_id": "257",
    "task_id": "21styear"
  },
  "dummy_trs": 1,
  "dvars_nstd": 24.21115175878059,
  "dvars_std": 1.1681548035781042,
  "dvars_vstd": 0.9591615749043156,
  "efc": 0.6381947169862927,
  "fber": 1282.80810546875,
  "fd_mean": 0.18214937380455548,
  "fd_num": 652,
  "fd_perc": 29.00355871886121,
  "fwhm_avg": 1.74681,
  "fwhm_x": 1.7062799999999998,
  "fwhm_y": 1.99476,
  "fwhm_z": 1.53939,
  "gcor": 0.0145956,
  "gsr_x": -0.014268091879785061,
  "gsr_y": 0.07939261943101883,
  "provenance": {
    "md5sum": "61bba5ae5207037efa2f2bea7d222d59",
    "settings": {
      "fd_thres": 0.2,
      "testing": false
    },
    "software": "mriqc",
    "version": "22.0.0rc1",
    "webapi_port": null,
    "webapi_url": "https://mriqc.nimh.nih.gov/api/v1"
  },
  "size_t": 2248,
  "size_x": 64,
  "size_y": 64,
  "size_z": 27,
  "snr": 6.772516894637835,
  "spacing_tr": 1.5,
  "spacing_x": 3.0,
  "spacing_y": 3.0,
  "spacing_z": 4.0,
  "summary_bg_k": 22.308066540870367,
  "summary_bg_mad": 15.261964721614252,
  "summary_bg_mean": 49.16884994506836,
  "summary_bg_median": 18.681049346923828,
  "summary_bg_n": 49545.0,
  "summary_bg_p05": 6.610320091247559,
  "summary_bg_p95": 191.65267028808566,
  "summary_bg_stdv": 74.91226196289062,
  "summary_fg_k": 2.080848511471684,
  "summary_fg_mad": 95.34361130843517,
  "summary_fg_mean": 717.0830688476562,
  "summary_fg_median": 705.3514404296875,
  "summary_fg_n": 32208.0,
  "summary_fg_p05": 576.7282623291015,
  "summary_fg_p95": 895.6131011962891,
  "summary_fg_stdv": 104.14746856689453,
  "tsnr": 39.935297107324004
}