{
  "aor": 0.001083462783171521,
  "aqi": 0.004005067961165049,
  "bids_meta": {
    "CogAtlasID": "https://www.cognitiveatlas.org/task/id/trm_4c8991fadfe01",
    "DeviceSerialNumber": "66018",
    "DwellTime": 4.2e-06,
    "EchoTime": 0.039,
    "EffectiveEchoSpacing": 0.000929976,
    "FlipAngle": 50,
    "InstitutionAddress": "Washington Rd, Princeton, NJ 08540, USA",
    "InstitutionName": "Princeton University",
    "InstitutionalDepartmentName": "Princeton Neuroscience Institute",
    "MagneticFieldStrength": 3,
    "Manufacturer": "Siemens",
    "ManufacturersModelName": "Prisma",
    "NumberOfVolumesDiscardedByScanner": 3,
    "ParallelReductionType": "GRAPPA",
    "PartialFourier": 0.75,
    "PhaseEncodingDirection": "j-",
    "PixelBandwidth": 1240,
    "PulseSequenceDetails": "%CustomerSeq%_ep2d_bold_sms_mgh_v22",
    "PulseSequenceType": "Gradient Echo EPI",
    "ReceiveCoilActiveElements": "HC1-7;NC1,2",
    "ReceiveCoilName": "HeadNeck_64",
    "RepetitionTime": 1.5,
    "ScanOptions": "PFP_FS",
    "ScanningSequence": "EP",
    "SequenceName": "epfSM2d1_96",
    "SequenceVariant": "SK",
    "SliceTiming": [
      0.6925,
      0,
      0.79,
      0.1,
      0.8875,
      0.1975,
      0.9875,
      0.2975,
      1.085,
      0.395,
      1.185,
      0.495,
      1.2825,
      0.5925,
      1.3825,
      0.6925,
      0,
      0.79,
      0.1,
      0.8875,
      0.1975,
      0.9875,
      0.2975,
      1.085,
      0.395,
      1.185,
      0.495,
      1.2825,
      0.5925,
      1.3825,
      0.6925,
      0,
      0.79,
      0.1,
      0.8875,
      0.1975,
      0.9875,
      0.2975,
      1.085,
      0.395,
      1.185,
      0.495,
      1.2825,
      0.5925,
      1.3825,
      0.6925,
      0,
      0.79,
      0.1,
      0.8875,
      0.1975,
      0.9875,
      0.2975,
      1.085,
      0.395,
      1.185,
      0.495,
      1.2825,
      0.5925,
      1.3825
    ],
    "SoftwareVersions": "syngo_MR_D13D",
    "StationName": "AWP66018",
    "TaskDescription": "Passively listened to audio story 'shapessocial'",
    "TaskName": "shapessocial",
    "TotalReadoutTime": 0.0883478,
    "dataset": "ds002345",
    "modality": "bold",
    "subject_id": "241",
    "task_id": "shapessocial"
  },
  "dummy_trs": 0,
  "dvars_nstd": 32.89958358113638,
  "dvars_std": 1.1005689233441562,
  "dvars_vstd": 1.0110165286038963,
  "efc": 0.5967817781577953,
  "fber": 329.8589172363281,
  "fd_mean": 0.11473595563095162,
  "fd_num": 15,
  "fd_perc": 4.854368932038835,
  "fwhm_avg": 2.9207066666666663,
  "fwhm_x": 2.73808,
  "fwhm_y": 3.10966,
  "fwhm_z": 2.91438,
  "gcor": 0.0124962,
  "gsr_x": -0.00566452369093895,
  "gsr_y": 0.0793742686510086,
  "provenance": {
    "md5sum": "d33510af7516b24ba2903deb53ea9e84",
    "settings": {
      "fd_thres": 0.2,
      "testing": false
    },
    "software": "mriqc",
    "version": "22.0.0rc1",
    "webapi_port": null,
    "webapi_url": "https://mriqc.nimh.nih.gov/api/v1"
  },
  "size_t": 309,
  "size_x": 96,
  "size_y": 96,
  "size_z": 60,
  "snr": 2.2635381849682683,
  "spacing_tr": 1.5,
  "spacing_x": 2.0,
  "spacing_y": 2.0,
  "spacing_z": 2.0,
  "summary_bg_k": 37.413752737346805,
  "summary_bg_mad": 7.787261486601732,
  "summary_bg_mean": 49.51588821411133,
  "summary_bg_median": 26.13916015625,
  "summary_bg_n": 310347.0,
  "summary_bg_p05": 19.63106918334961,
  "summary_bg_p95": 162.75729370117188,
  "summary_bg_stdv": 60.696815490722656,
  "summary_fg_k": 2.5750725346001992,
  "summary_fg_mad": 191.30844235747344,
  "summary_fg_mean": 532.9505004882812,
  "summary_fg_median": 492.543701171875,
  "summary_fg_n": 152763.0,
  "summary_fg_p05": 267.3301086425781,
  "summary_fg_p95": 946.1705932617185,
  "summary_fg_stdv": 217.5983123779297,
  "tsnr": 43.750540025066584
}