{
  "aor": 0.0004132996632996633,
  "aqi": 0.01276120239057239,
  "bids_meta": {
    "CogAtlasID": "https://www.cognitiveatlas.org/task/id/trm_4c8991fadfe01",
    "DeviceSerialNumber": "45031",
    "DwellTime": 5.4e-06,
    "EchoTime": 0.028,
    "EffectiveEchoSpacing": 0.000390001,
    "FlipAngle": 64,
    "InstitutionAddress": "Washington Rd, Princeton, NJ 08540, USA",
    "InstitutionName": "Princeton University",
    "InstitutionalDepartmentName": "Princeton Neuroscience Institute",
    "MagneticFieldStrength": 3,
    "Manufacturer": "Siemens",
    "ManufacturersModelName": "Skyra",
    "NumberOfVolumesDiscardedByScanner": 3,
    "ParallelReductionFactorInPlane": 2,
    "ParallelReductionType": "GRAPPA",
    "PartialFourier": 1,
    "PhaseEncodingDirection": "j-",
    "PixelBandwidth": 1445,
    "PulseSequenceDetails": "%SiemensSeq%_ep2d_bold",
    "PulseSequenceType": "Gradient Echo EPI",
    "ReceiveCoilActiveElements": "HE1-4",
    "ReceiveCoilName": "HeadNeck_20",
    "RepetitionTime": 1.52,
    "ScanOptions": "FS",
    "ScanningSequence": "EP",
    "SequenceName": "_epfid2d1_64",
    "SequenceVariant": "SK",
    "SliceTiming": [
      0,
      0.7775,
      0.0575,
      0.835,
      0.1125,
      0.89,
      0.1675,
      0.945,
      0.2225,
      1,
      0.2775,
      1.055,
      0.335,
      1.1125,
      0.39,
      1.1675,
      0.445,
      1.2225,
      0.5,
      1.2775,
      0.5575,
      1.335,
      0.6125,
      1.39,
      0.6675,
      1.445,
      0.7225
    ],
    "SoftwareVersions": "syngo_MR_E11",
    "StationName": "AWP45031",
    "TaskDescription": "Passively listened to audio story 'milkyway'",
    "TaskName": "milkyway",
    "TotalReadoutTime": 0.0245701,
    "dataset": "ds002345",
    "modality": "bold",
    "subject_id": "116",
    "task_id": "milkyway"
  },
  "dummy_trs": 0,
  "dvars_nstd": 21.72969737574324,
  "dvars_std": 1.1098837801689188,
  "dvars_vstd": 0.9468591899662158,
  "efc": 0.588328083146479,
  "fber": 2188.943603515625,
  "fd_mean": 0.1406910737356105,
  "fd_num": 44,
  "fd_perc": 14.814814814814815,
  "fwhm_avg": 1.6625908333333335,
  "fwhm_x": 1.6220133333333333,
  "fwhm_y": 1.8413866666666667,
  "fwhm_z": 1.5243725,
  "gcor": 0.00934605,
  "gsr_x": -0.003144217189401388,
  "gsr_y": 0.04551110789179802,
  "provenance": {
    "md5sum": "b5ac77899b9bf79bd2498a1176c1a902",
    "settings": {
      "fd_thres": 0.2,
      "testing": false
    },
    "software": "mriqc",
    "version": "22.0.0rc1",
    "webapi_port": null,
    "webapi_url": "https://mriqc.nimh.nih.gov/api/v1"
  },
  "size_t": 297,
  "size_x": 64,
  "size_y": 64,
  "size_z": 27,
  "snr": 7.636237825084181,
  "spacing_tr": 1.5199999809265137,
  "spacing_x": 3.0,
  "spacing_y": 3.0,
  "spacing_z": 4.0,
  "summary_bg_k": 22.22827964564113,
  "summary_bg_mad": 9.484660723755956,
  "summary_bg_mean": 35.47014236450195,
  "summary_bg_median": 14.175084114074707,
  "summary_bg_n": 54553.0,
  "summary_bg_p05": 6.501683235168457,
  "summary_bg_p95": 136.11380004882798,
  "summary_bg_stdv": 59.40251541137695,
  "summary_fg_k": 1.5150844493554727,
  "summary_fg_mad": 90.45873380847367,
  "summary_fg_mean": 690.3099365234375,
  "summary_fg_median": 685.498291015625,
  "summary_fg_n": 27739.0,
  "summary_fg_p05": 562.2292602539062,
  "summary_fg_p95": 836.0585571289062,
  "summary_fg_stdv": 89.76749420166016,
  "tsnr": 63.93430968490429
}