{
  "aor": 0.0011405102040816326,
  "aqi": 0.008449977176870746,
  "bids_meta": {
    "AcquisitionMatrixPE": 96,
    "BandwidthPerPixelPhaseEncode": 20.425,
    "BaseResolution": 96,
    "BodyPartExamined": "BRAIN",
    "ConsistencyInfo": "N4_VE11C_LATEST_20160120",
    "ConversionSoftware": "dcm2niix",
    "ConversionSoftwareVersion": "v1.0.20180328 GCC6.3.0",
    "DerivedVendorReportedEchoSpacing": 0.000509996,
    "DeviceSerialNumber": "66018",
    "DwellTime": 2.1e-06,
    "EchoTime": 0.031,
    "EchoTrainLength": 96,
    "EffectiveEchoSpacing": 0.000509996,
    "FlipAngle": 67,
    "ImageOrientationPatientDICOM": [
      1,
      0,
      0,
      0,
      1,
      0
    ],
    "ImageType": [
      "ORIGINAL",
      "PRIMARY",
      "M",
      "ND",
      "NORM",
      "MOSAIC"
    ],
    "InPlanePhaseEncodingDirectionDICOM": "COL",
    "InstitutionAddress": "Washington Rd, Princeton, NJ 08540, USA",
    "InstitutionName": "Princeton University",
    "InstitutionalDepartmentName": "Princeton Neuroscience Institute",
    "MRAcquisitionType": "2D",
    "MagneticFieldStrength": 3,
    "Manufacturer": "Siemens",
    "ManufacturersModelName": "Prisma",
    "Modality": "MR",
    "MultibandAccelerationFactor": 3,
    "NumberOfVolumesDiscardedByScanner": 3,
    "PartialFourier": 1,
    "PatientPosition": "HFS",
    "PercentPhaseFOV": 100,
    "PhaseEncodingDirection": "j-",
    "PhaseEncodingSteps": 96,
    "PhaseResolution": 1,
    "PixelBandwidth": 2480,
    "ProcedureStepDescription": "Hasson_Nastase_042518_Storyteller",
    "ProtocolName": "func_task-pieman",
    "PulseSequenceDetails": "%SiemensSeq%_ep2d_bold",
    "ReceiveCoilActiveElements": "HC1-7;NC1",
    "ReceiveCoilName": "HeadNeck_64",
    "ReconMatrixPE": 96,
    "RepetitionTime": 1.5,
    "SAR": 0.0366207,
    "ScanOptions": "FS",
    "ScanningSequence": "EP",
    "SequenceName": "_epfid2d1_96",
    "SequenceVariant": "SK",
    "SeriesDescription": "func_task-pieman",
    "SeriesNumber": 8,
    "ShimSetting": [
      760,
      510,
      2093,
      869,
      -69,
      13,
      65,
      -3
    ],
    "SliceThickness": 2.5,
    "SliceTiming": [
      1.11,
      0,
      0.74,
      0.0925,
      0.8325,
      0.185,
      0.925,
      0.2775,
      1.0175,
      0.4625,
      1.2025,
      0.555,
      1.295,
      0.6475,
      1.3875,
      0.37,
      1.11,
      0,
      0.74,
      0.0925,
      0.8325,
      0.185,
      0.925,
      0.2775,
      1.0175,
      0.4625,
      1.2025,
      0.555,
      1.295,
      0.6475,
      1.3875,
      0.37,
      1.11,
      0,
      0.74,
      0.0925,
      0.8325,
      0.185,
      0.925,
      0.2775,
      1.0175,
      0.4625,
      1.2025,
      0.555,
      1.295,
      0.6475,
      1.3875,
      0.37
    ],
    "SoftwareVersions": "syngo_MR_E11",
    "SpacingBetweenSlices": 2.5,
    "StationName": "AWP66018",
    "TaskDescription": "Passively listened to audio story 'piemanpni'",
    "TaskName": "piemanpni",
    "TotalReadoutTime": 0.0484496,
    "TxRefAmp": 232.11,
    "dataset": "ds002345",
    "modality": "bold",
    "subject_id": "285",
    "task_id": "piemanpni"
  },
  "dummy_trs": 0,
  "dvars_nstd": 27.344328115255966,
  "dvars_std": 1.284291945255972,
  "dvars_vstd": 1.0038099991467575,
  "efc": 0.473855173293979,
  "fber": 3718.388427734375,
  "fd_mean": 0.08457358383116755,
  "fd_num": 5,
  "fd_perc": 1.7006802721088434,
  "fwhm_avg": 1.9528186666666667,
  "fwhm_x": 1.831084,
  "fwhm_y": 2.1983360000000003,
  "fwhm_z": 1.8290359999999999,
  "gcor": 0.0177226,
  "gsr_x": -0.020265597850084305,
  "gsr_y": 0.028003880754113197,
  "provenance": {
    "md5sum": "523a1f577797a7f8eea467b48e0f4dd7",
    "settings": {
      "fd_thres": 0.2,
      "testing": false
    },
    "software": "mriqc",
    "version": "22.0.0rc1",
    "webapi_port": null,
    "webapi_url": "https://mriqc.nimh.nih.gov/api/v1"
  },
  "size_t": 294,
  "size_x": 96,
  "size_y": 96,
  "size_z": 48,
  "snr": 6.132969289504654,
  "spacing_tr": 1.5,
  "spacing_x": 2.5,
  "spacing_y": 2.5,
  "spacing_z": 2.5,
  "summary_bg_k": 23.865667338515422,
  "summary_bg_mad": 7.4079683480704785,
  "summary_bg_mean": 30.96959686279297,
  "summary_bg_median": 11.442176818847656,
  "summary_bg_n": 308453.0,
  "summary_bg_p05": 4.846938610076904,
  "summary_bg_p95": 129.27414550781202,
  "summary_bg_stdv": 58.399166107177734,
  "summary_fg_k": 2.770410817754925,
  "summary_fg_mad": 106.88350322835925,
  "summary_fg_mean": 707.8538208007812,
  "summary_fg_median": 708.6394653320312,
  "summary_fg_n": 71170.0,
  "summary_fg_p05": 545.339956665039,
  "summary_fg_p95": 886.8646026611328,
  "summary_fg_stdv": 115.54508972167969,
  "tsnr": 61.06126444879919
}