{
  "aor": 0.0010681229773462783,
  "aqi": 0.00459694216828479,
  "bids_meta": {
    "CogAtlasID": "https://www.cognitiveatlas.org/task/id/trm_4c8991fadfe01",
    "DeviceSerialNumber": "66018",
    "DwellTime": 4.2e-06,
    "EchoTime": 0.039,
    "EffectiveEchoSpacing": 0.000929976,
    "FlipAngle": 50,
    "InstitutionAddress": "Washington Rd, Princeton, NJ 08540, USA",
    "InstitutionName": "Princeton University",
    "InstitutionalDepartmentName": "Princeton Neuroscience Institute",
    "MagneticFieldStrength": 3,
    "Manufacturer": "Siemens",
    "ManufacturersModelName": "Prisma",
    "NumberOfVolumesDiscardedByScanner": 3,
    "ParallelReductionType": "GRAPPA",
    "PartialFourier": 0.75,
    "PhaseEncodingDirection": "j-",
    "PixelBandwidth": 1240,
    "PulseSequenceDetails": "%CustomerSeq%_ep2d_bold_sms_mgh_v22",
    "PulseSequenceType": "Gradient Echo EPI",
    "ReceiveCoilActiveElements": "HC1-7;NC1,2",
    "ReceiveCoilName": "HeadNeck_64",
    "RepetitionTime": 1.5,
    "ScanOptions": "PFP_FS",
    "ScanningSequence": "EP",
    "SequenceName": "epfSM2d1_96",
    "SequenceVariant": "SK",
    "SliceTiming": [
      0.6925,
      0,
      0.79,
      0.1,
      0.8875,
      0.1975,
      0.9875,
      0.2975,
      1.085,
      0.395,
      1.185,
      0.495,
      1.2825,
      0.5925,
      1.3825,
      0.6925,
      0,
      0.79,
      0.1,
      0.8875,
      0.1975,
      0.9875,
      0.2975,
      1.085,
      0.395,
      1.185,
      0.495,
      1.2825,
      0.5925,
      1.3825,
      0.6925,
      0,
      0.79,
      0.1,
      0.8875,
      0.1975,
      0.9875,
      0.2975,
      1.085,
      0.395,
      1.185,
      0.495,
      1.2825,
      0.5925,
      1.3825,
      0.6925,
      0,
      0.79,
      0.1,
      0.8875,
      0.1975,
      0.9875,
      0.2975,
      1.085,
      0.395,
      1.185,
      0.495,
      1.2825,
      0.5925,
      1.3825
    ],
    "SoftwareVersions": "syngo_MR_D13D",
    "StationName": "AWP66018",
    "TaskDescription": "Passively listened to audio story 'shapesphysical'",
    "TaskName": "shapesphysical",
    "TotalReadoutTime": 0.0883478,
    "dataset": "ds002345",
    "modality": "bold",
    "subject_id": "241",
    "task_id": "shapesphysical"
  },
  "dummy_trs": 0,
  "dvars_nstd": 32.72366854399351,
  "dvars_std": 1.0717010058441565,
  "dvars_vstd": 0.9953850355519478,
  "efc": 0.5959454827296558,
  "fber": 335.1802062988281,
  "fd_mean": 0.11899284092239835,
  "fd_num": 16,
  "fd_perc": 5.17799352750809,
  "fwhm_avg": 2.932143333333333,
  "fwhm_x": 2.746485,
  "fwhm_y": 3.127185,
  "fwhm_z": 2.92276,
  "gcor": 0.00596471,
  "gsr_x": -0.006408890709280968,
  "gsr_y": 0.07938997447490692,
  "provenance": {
    "md5sum": "95818797d0f4775bd04f559d18d51a64",
    "settings": {
      "fd_thres": 0.2,
      "testing": false
    },
    "software": "mriqc",
    "version": "22.0.0rc1",
    "webapi_port": null,
    "webapi_url": "https://mriqc.nimh.nih.gov/api/v1"
  },
  "size_t": 309,
  "size_x": 96,
  "size_y": 96,
  "size_z": 60,
  "snr": 2.2610706452517695,
  "spacing_tr": 1.5,
  "spacing_x": 2.0,
  "spacing_y": 2.0,
  "spacing_z": 2.0,
  "summary_bg_k": 39.65836843836635,
  "summary_bg_mad": 8.329443118365342,
  "summary_bg_mean": 49.193233489990234,
  "summary_bg_median": 26.12297821044922,
  "summary_bg_n": 310155.0,
  "summary_bg_p05": 19.200647354125977,
  "summary_bg_p95": 160.93528747558594,
  "summary_bg_stdv": 60.560237884521484,
  "summary_fg_k": 2.5707255732433847,
  "summary_fg_mad": 193.23730024251714,
  "summary_fg_mean": 535.3355102539062,
  "summary_fg_median": 494.5242919921875,
  "summary_fg_n": 152881.0,
  "summary_fg_p05": 268.4692687988281,
  "summary_fg_p95": 950.1068115234375,
  "summary_fg_stdv": 218.71173095703125,
  "tsnr": 42.04204479744658
}