{
  "bids_meta": {
    "DeviceSerialNumber": "45031",
    "DwellTime": 8.2e-06,
    "EchoTime": 0.00308,
    "FlipAngle": 9,
    "InstitutionAddress": "Washington Rd, Princeton, NJ 08540, USA",
    "InstitutionName": "Princeton University",
    "InstitutionalDepartmentName": "Princeton Neuroscience Institute",
    "InversionTime": 0.9,
    "MagneticFieldStrength": 3,
    "Manufacturer": "Siemens",
    "ManufacturersModelName": "Skyra",
    "ParallelReductionFactorInPlane": 2,
    "ParallelReductionType": "GRAPPA",
    "PartialFourier": 1,
    "PixelBandwidth": 240,
    "PulseSequenceDetails": "%SiemensSeq%_tfl",
    "PulseSequenceType": "MPRAGE",
    "ReceiveCoilActiveElements": "HE1-4",
    "ReceiveCoilName": "HeadNeck_20",
    "RepetitionTime": 2.3,
    "ScanOptions": "IR",
    "ScanningSequence": "GR_IR",
    "SequenceName": "_tfl3d1_16ns",
    "SequenceVariant": "SK_SP_MP",
    "SoftwareVersions": "syngo_MR_D13",
    "StationName": "AWP45031",
    "dataset": "ds002345",
    "modality": "T1w",
    "subject_id": "174"
  },
  "cjv": 0.5058971264891589,
  "cnr": 2.648291321499774,
  "efc": 0.6121120288647109,
  "fber": 941.0736094674556,
  "fwhm_avg": 3.164945758043867,
  "fwhm_x": 3.188044317762945,
  "fwhm_y": 3.3030867745504744,
  "fwhm_z": 3.003706181818182,
  "icvs_csf": 0.16180928784309498,
  "icvs_gm": 0.4400918300231459,
  "icvs_wm": 0.39809888213375916,
  "inu_med": 1.4856511354446411,
  "inu_range": 0.5485701560974121,
  "provenance": {
    "md5sum": "a1800d15888e06062d6ad0f6a4cc4a3b",
    "settings": {
      "testing": false
    },
    "software": "mriqc",
    "version": "22.0.0rc1",
    "warnings": {
      "large_rot_frame": true,
      "small_air_mask": false
    },
    "webapi_port": null,
    "webapi_url": "https://mriqc.nimh.nih.gov/api/v1"
  },
  "qi_1": 2.4130089472707622e-05,
  "qi_2": 0.0045419208955067725,
  "rpve_csf": 23.781414585963212,
  "rpve_gm": 10.119327656830706,
  "rpve_wm": 13.15112353451447,
  "size_x": 192,
  "size_y": 256,
  "size_z": 256,
  "snr_csf": 2.3358789917689773,
  "snr_gm": 9.303089217493305,
  "snr_total": 9.28642379189528,
  "snr_wm": 16.22030316642356,
  "snrd_csf": 16.40953053932531,
  "snrd_gm": 33.96510542833943,
  "snrd_total": 32.24888976039748,
  "snrd_wm": 46.37203331352771,
  "spacing_x": 0.9000000357627869,
  "spacing_y": 0.8593749403953552,
  "spacing_z": 0.859375,
  "summary_bg_k": 2.4711873960404116,
  "summary_bg_mad": 14.127833739586789,
  "summary_bg_mean": 22.149512053114897,
  "summary_bg_median": 19.181113958358765,
  "summary_bg_n": 3347163.0,
  "summary_bg_p05": 3.1968523263931274,
  "summary_bg_p95": 48.936431765556335,
  "summary_bg_stdv": 14.39915111280651,
  "summary_csf_k": 9.173420308999564,
  "summary_csf_mad": 140.82260082362316,
  "summary_csf_mean": 377.7263749701281,
  "summary_csf_median": 353.8669613599777,
  "summary_csf_n": 12528.0,
  "summary_csf_p05": 180.2748061403632,
  "summary_csf_p95": 631.0094668865204,
  "summary_csf_stdv": 151.48594566849684,
  "summary_gm_k": 0.11739007268986912,
  "summary_gm_mad": 76.29030219376867,
  "summary_gm_mean": 733.397542383938,
  "summary_gm_median": 732.4480503201485,
  "summary_gm_n": 34097.0,
  "summary_gm_p05": 604.5124793350697,
  "summary_gm_p95": 866.4822318971155,
  "summary_gm_stdv": 78.73054772082924,
  "summary_wm_k": 0.38232336211245554,
  "summary_wm_mad": 59.063459762917674,
  "summary_wm_mean": 998.8490412064527,
  "summary_wm_median": 999.9999988675117,
  "summary_wm_n": 341290.0,
  "summary_wm_p05": 895.487518966198,
  "summary_wm_p95": 1097.6269506812096,
  "summary_wm_stdv": 61.6510384285987,
  "tpm_overlap_csf": 0.17646393179893494,
  "tpm_overlap_gm": 0.43890663981437683,
  "tpm_overlap_wm": 0.4892100989818573,
  "wm2max": 0.46266746309412066
}