{
  "bids_meta": {
    "DeviceSerialNumber": "66018",
    "DwellTime": 9.8e-06,
    "EchoTime": 0.00267,
    "FlipAngle": 7,
    "InstitutionAddress": "Washington Rd, Building 25, Princeton, NJ 08540, USA",
    "InstitutionName": "Princeton University",
    "InstitutionalDepartmentName": "Princeton Neuroscience Institute",
    "InversionTime": 1.2,
    "MagneticFieldStrength": 3,
    "Manufacturer": "Siemens",
    "ManufacturersModelName": "Prisma",
    "ParallelReductionFactorInPlane": 2,
    "ParellelReductionType": "TODO",
    "PartialFourier": 1,
    "PixelBandwidth": 200,
    "PulseSequenceDetails": "%SiemensSeq%_tfl",
    "PulseSequenceType": "MPRAGE",
    "ReceiveCoilActiveElements": "HC1-7;NC1",
    "ReceiveCoilName": "HeadNeck_64",
    "RepetitionTime": 2.53,
    "ScanOptions": "IR",
    "ScanningSequence": "GR_IR",
    "SequenceName": "_tfl3d1_16",
    "SequenceVariant": "SK_SP_MP",
    "SoftwareVersions": "syngo_MR_D13D",
    "StationName": "AWP66018",
    "dataset": "ds002345",
    "modality": "T1w",
    "subject_id": "185"
  },
  "cjv": 0.391335427207361,
  "cnr": 3.163749912310431,
  "efc": 0.6026920886904013,
  "fber": 346.42439219048697,
  "fwhm_avg": 3.7288266666666665,
  "fwhm_x": 3.67616,
  "fwhm_y": 3.72289,
  "fwhm_z": 3.78743,
  "icvs_csf": 0.17999188928352358,
  "icvs_gm": 0.4219649094071216,
  "icvs_wm": 0.39804320130935483,
  "inu_med": 1.1322250366210938,
  "inu_range": 0.5033951878547669,
  "provenance": {
    "md5sum": "4e766a3936787c15b237dd1a89ecce51",
    "settings": {
      "testing": false
    },
    "software": "mriqc",
    "version": "22.0.0rc1",
    "warnings": {
      "large_rot_frame": true,
      "small_air_mask": false
    },
    "webapi_port": null,
    "webapi_url": "https://mriqc.nimh.nih.gov/api/v1"
  },
  "qi_1": 0.0,
  "qi_2": 0.0018393618442205713,
  "rpve_csf": 26.59875062189922,
  "rpve_gm": 12.330828357585016,
  "rpve_wm": 15.951495916428192,
  "size_x": 176,
  "size_y": 256,
  "size_z": 256,
  "snr_csf": 2.0565956426136767,
  "snr_gm": 9.728372474327594,
  "snr_total": 10.511246251275383,
  "snr_wm": 19.74877063688488,
  "snrd_csf": 7.961657360226617,
  "snrd_gm": 19.517064449231945,
  "snrd_total": 18.335545866451433,
  "snrd_wm": 27.527915789895737,
  "spacing_x": 1.0,
  "spacing_y": 1.0,
  "spacing_z": 1.0,
  "summary_bg_k": 5.718646555653004,
  "summary_bg_mad": 23.798982557019055,
  "summary_bg_mean": 40.385176959203854,
  "summary_bg_median": 37.3087540268898,
  "summary_bg_n": 3203250.0,
  "summary_bg_p05": 7.7125659584999084,
  "summary_bg_p95": 82.01655507087708,
  "summary_bg_stdv": 24.200274227098905,
  "summary_csf_k": -0.9029831159615376,
  "summary_csf_mad": 168.2197614723671,
  "summary_csf_mean": 314.62328377805153,
  "summary_csf_median": 289.22122344374657,
  "summary_csf_n": 7086.0,
  "summary_csf_p05": 132.61851221323013,
  "summary_csf_p95": 544.9899758398533,
  "summary_csf_stdv": 140.62113562749877,
  "summary_gm_k": 0.23284471793773998,
  "summary_gm_mad": 69.25875783194998,
  "summary_gm_mean": 709.0341428089773,
  "summary_gm_median": 708.9917340874672,
  "summary_gm_n": 20067.0,
  "summary_gm_p05": 587.7853113412857,
  "summary_gm_p95": 829.8846378922462,
  "summary_gm_stdv": 72.87694525726256,
  "summary_wm_k": 2.024484368683086,
  "summary_wm_mad": 44.623092294410725,
  "summary_wm_mean": 1003.4559846055724,
  "summary_wm_median": 1000.0000154972076,
  "summary_wm_n": 226807.0,
  "summary_wm_p05": 927.827955186367,
  "summary_wm_p95": 1089.3529137969017,
  "summary_wm_stdv": 50.63595245313879,
  "tpm_overlap_csf": 0.16955798864364624,
  "tpm_overlap_gm": 0.4334873855113983,
  "tpm_overlap_wm": 0.5041621923446655,
  "wm2max": 0.4102397097144899
}