{
  "aor": 0.0032470013755158183,
  "aqi": 0.020823317606602474,
  "bids_meta": {
    "CogAtlasID": "https://www.cognitiveatlas.org/task/id/trm_4c8991fadfe01",
    "DeviceSerialNumber": "45031",
    "DwellTime": 4.9e-06,
    "EchoTime": 0.028,
    "EffectiveEchoSpacing": 0.000355001,
    "FlipAngle": 64,
    "InstitutionAddress": "Washington Rd, Princeton, NJ 08540, USA",
    "InstitutionName": "Princeton University",
    "InstitutionalDepartmentName": "Princeton Neuroscience Institute",
    "MagneticFieldStrength": 3,
    "Manufacturer": "Siemens",
    "ManufacturersModelName": "Skyra",
    "NumberOfVolumesDiscardedByScanner": 3,
    "ParallelReductionFactorInPlane": 2,
    "ParallelReductionType": "GRAPPA",
    "PartialFourier": 1,
    "PhaseEncodingDirection": "j-",
    "PixelBandwidth": 1595,
    "PulseSequenceDetails": "%SiemensSeq%_ep2d_bold",
    "PulseSequenceType": "Gradient Echo EPI",
    "ReceiveCoilActiveElements": "HE1-4",
    "ReceiveCoilName": "HeadNeck_20",
    "RepetitionTime": 1.5,
    "ScanOptions": "FS",
    "ScanningSequence": "EP",
    "SequenceName": "_epfid2d1_64",
    "SequenceVariant": "SK",
    "SliceTiming": [
      0,
      0.7675,
      0.055,
      0.8225,
      0.1075,
      0.875,
      0.1625,
      0.93,
      0.2175,
      0.985,
      0.2725,
      1.04,
      0.3275,
      1.095,
      0.3825,
      1.15,
      0.4375,
      1.205,
      0.4925,
      1.26,
      0.5475,
      1.315,
      0.6025,
      1.37,
      0.6575,
      1.425,
      0.7125
    ],
    "SoftwareVersions": "syngo_MR_D13",
    "StationName": "AWP45031",
    "TaskDescription": "Passively listened to audio story 'sherlock'",
    "TaskName": "sherlock",
    "TotalReadoutTime": 0.022365,
    "dataset": "ds002345",
    "modality": "bold",
    "subject_id": "163",
    "task_id": "sherlock"
  },
  "dummy_trs": 0,
  "dvars_nstd": 24.07840319174932,
  "dvars_std": 1.1103958165013765,
  "dvars_vstd": 0.9549716900826445,
  "efc": 0.5541533656184222,
  "fber": 2273.21044921875,
  "fd_mean": 0.1834818819484476,
  "fd_num": 208,
  "fd_perc": 28.61072902338377,
  "fwhm_avg": 1.6922786111111112,
  "fwhm_x": 1.7311833333333333,
  "fwhm_y": 1.8553300000000001,
  "fwhm_z": 1.4903225,
  "gcor": 0.0403367,
  "gsr_x": 0.009454279206693172,
  "gsr_y": 0.02092558704316616,
  "provenance": {
    "md5sum": "c1ed294f3517a89063e8e6315fece90d",
    "settings": {
      "fd_thres": 0.2,
      "testing": false
    },
    "software": "mriqc",
    "version": "22.0.0rc1",
    "webapi_port": null,
    "webapi_url": "https://mriqc.nimh.nih.gov/api/v1"
  },
  "size_t": 727,
  "size_x": 64,
  "size_y": 64,
  "size_z": 27,
  "snr": 7.140577609423136,
  "spacing_tr": 1.5,
  "spacing_x": 3.0,
  "spacing_y": 3.0,
  "spacing_z": 4.0,
  "summary_bg_k": 50.528844327527786,
  "summary_bg_mad": 10.578071659169826,
  "summary_bg_mean": 38.44939422607422,
  "summary_bg_median": 15.598349571228027,
  "summary_bg_n": 59310.0,
  "summary_bg_p05": 6.889202237129211,
  "summary_bg_p95": 133.73232803344698,
  "summary_bg_stdv": 73.2678451538086,
  "summary_fg_k": 2.2077426690478106,
  "summary_fg_mad": 101.27171266557697,
  "summary_fg_mean": 763.3656005859375,
  "summary_fg_median": 755.62451171875,
  "summary_fg_n": 24022.0,
  "summary_fg_p05": 616.6197845458985,
  "summary_fg_p95": 936.0020141601564,
  "summary_fg_stdv": 105.81900024414062,
  "tsnr": 51.16248291323427
}