{
  "aor": 0.0008003030303030303,
  "aqi": 0.006872877003367004,
  "bids_meta": {
    "CogAtlasID": "https://www.cognitiveatlas.org/task/id/trm_4c8991fadfe01",
    "DeviceSerialNumber": "45031",
    "DwellTime": 5.4e-06,
    "EchoTime": 0.028,
    "EffectiveEchoSpacing": 0.000390001,
    "FlipAngle": 64,
    "InstitutionAddress": "Washington Rd, Princeton, NJ 08540, USA",
    "InstitutionName": "Princeton University",
    "InstitutionalDepartmentName": "Princeton Neuroscience Institute",
    "MagneticFieldStrength": 3,
    "Manufacturer": "Siemens",
    "ManufacturersModelName": "Skyra",
    "NumberOfVolumesDiscardedByScanner": 3,
    "ParallelReductionFactorInPlane": 2,
    "ParallelReductionType": "GRAPPA",
    "PartialFourier": 1,
    "PhaseEncodingDirection": "j-",
    "PixelBandwidth": 1445,
    "PulseSequenceDetails": "%SiemensSeq%_ep2d_bold",
    "PulseSequenceType": "Gradient Echo EPI",
    "ReceiveCoilActiveElements": "HE1-4",
    "ReceiveCoilName": "HeadNeck_20",
    "RepetitionTime": 1.5,
    "ScanOptions": "FS",
    "ScanningSequence": "EP",
    "SequenceName": "_epfid2d1_64",
    "SequenceVariant": "SK",
    "SliceTiming": [
      0,
      0.7775,
      0.055,
      0.8325,
      0.11,
      0.8875,
      0.165,
      0.9425,
      0.22,
      0.9975,
      0.2775,
      1.055,
      0.3325,
      1.11,
      0.3875,
      1.165,
      0.4425,
      1.22,
      0.5,
      1.2775,
      0.555,
      1.3325,
      0.61,
      1.3875,
      0.665,
      1.4425,
      0.72
    ],
    "SoftwareVersions": "syngo_MR_D11",
    "StationName": "AWP45031",
    "TaskDescription": "Passively listened to audio story 'milkyway'",
    "TaskName": "milkyway",
    "TotalReadoutTime": 0.0245701,
    "dataset": "ds002345",
    "modality": "bold",
    "subject_id": "110",
    "task_id": "milkyway"
  },
  "dummy_trs": 0,
  "dvars_nstd": 18.01786944679053,
  "dvars_std": 1.0938556545608114,
  "dvars_vstd": 0.9969017087162158,
  "efc": 0.6382895375379759,
  "fber": 920.4947509765625,
  "fd_mean": 0.08921074228835864,
  "fd_num": 3,
  "fd_perc": 1.0101010101010102,
  "fwhm_avg": 1.8102106211327922,
  "fwhm_x": 1.75701,
  "fwhm_y": 2.0233166666666667,
  "fwhm_z": 1.65030519673171,
  "gcor": 0.041361,
  "gsr_x": -0.012567139230668545,
  "gsr_y": 0.05316969007253647,
  "provenance": {
    "md5sum": "eec947e69ce67734f631ceb57b352a46",
    "settings": {
      "fd_thres": 0.2,
      "testing": false
    },
    "software": "mriqc",
    "version": "22.0.0rc1",
    "webapi_port": null,
    "webapi_url": "https://mriqc.nimh.nih.gov/api/v1"
  },
  "size_t": 297,
  "size_x": 64,
  "size_y": 64,
  "size_z": 27,
  "snr": 7.159874936740115,
  "spacing_tr": 1.5,
  "spacing_x": 3.0,
  "spacing_y": 3.0,
  "spacing_z": 3.999999523162842,
  "summary_bg_k": 16.885370431338423,
  "summary_bg_mad": 17.22713913305406,
  "summary_bg_mean": 51.60442352294922,
  "summary_bg_median": 21.08417510986328,
  "summary_bg_n": 50115.0,
  "summary_bg_p05": 7.9494948387146,
  "summary_bg_p95": 189.26228790283199,
  "summary_bg_stdv": 76.34130859375,
  "summary_fg_k": 3.3465350717063256,
  "summary_fg_mad": 84.75541174276057,
  "summary_fg_mean": 709.7120971679688,
  "summary_fg_median": 701.2120971679688,
  "summary_fg_n": 31352.0,
  "summary_fg_p05": 579.4799346923828,
  "summary_fg_p95": 869.1011474609375,
  "summary_fg_stdv": 97.93479919433594,
  "tsnr": 73.12890325207263
}