{
  "aor": 0.0006684599156118144,
  "aqi": 0.005812337489451477,
  "bids_meta": {
    "CogAtlasID": "https://www.cognitiveatlas.org/task/id/trm_4c8991fadfe01",
    "DeviceSerialNumber": "45031",
    "DwellTime": 5.4e-06,
    "EchoTime": 0.028,
    "EffectiveEchoSpacing": 0.000390001,
    "FlipAngle": 64,
    "InstitutionAddress": "Washington Rd, Princeton, NJ 08540, USA",
    "InstitutionName": "Princeton University",
    "InstitutionalDepartmentName": "Princeton Neuroscience Institute",
    "MagneticFieldStrength": 3,
    "Manufacturer": "Siemens",
    "ManufacturersModelName": "Skyra",
    "NumberOfVolumesDiscardedByScanner": 3,
    "ParallelReductionFactorInPlane": 2,
    "ParallelReductionType": "GRAPPA",
    "PartialFourier": 1,
    "PhaseEncodingDirection": "j-",
    "PixelBandwidth": 1445,
    "PulseSequenceDetails": "%SiemensSeq%_ep2d_bold",
    "PulseSequenceType": "Gradient Echo EPI",
    "ReceiveCoilActiveElements": "HE1-4",
    "ReceiveCoilName": "HeadNeck_20",
    "RepetitionTime": 1.5,
    "ScanOptions": "FS",
    "ScanningSequence": "EP",
    "SequenceName": "_epfid2d1_64",
    "SequenceVariant": "SK",
    "SliceTiming": [
      0,
      0.7775,
      0.055,
      0.8325,
      0.11,
      0.8875,
      0.165,
      0.9425,
      0.22,
      0.9975,
      0.2775,
      1.055,
      0.3325,
      1.11,
      0.3875,
      1.165,
      0.4425,
      1.22,
      0.5,
      1.2775,
      0.555,
      1.3325,
      0.61,
      1.3875,
      0.665,
      1.4425,
      0.72
    ],
    "SoftwareVersions": "syngo_MR_D11",
    "StationName": "AWP45031",
    "TaskDescription": "Passively listened to audio story 'prettymouth'",
    "TaskName": "prettymouth",
    "TotalReadoutTime": 0.0245701,
    "dataset": "ds002345",
    "modality": "bold",
    "subject_id": "110",
    "task_id": "prettymouth"
  },
  "dummy_trs": 1,
  "dvars_nstd": 18.261473814989436,
  "dvars_std": 1.1167732816279077,
  "dvars_vstd": 1.005434753403805,
  "efc": 0.6398272740314732,
  "fber": 881.9412231445312,
  "fd_mean": 0.0929705968213836,
  "fd_num": 5,
  "fd_perc": 1.0548523206751055,
  "fwhm_avg": 1.8014553427811208,
  "fwhm_x": 1.75553,
  "fwhm_y": 2.0129733333333335,
  "fwhm_z": 1.6358626950100297,
  "gcor": 0.0841824,
  "gsr_x": -0.01318360399454832,
  "gsr_y": 0.05511857196688652,
  "provenance": {
    "md5sum": "7c9065d810a59361a7cde7e70c36991f",
    "settings": {
      "fd_thres": 0.2,
      "testing": false
    },
    "software": "mriqc",
    "version": "22.0.0rc1",
    "webapi_port": null,
    "webapi_url": "https://mriqc.nimh.nih.gov/api/v1"
  },
  "size_t": 474,
  "size_x": 64,
  "size_y": 64,
  "size_z": 27,
  "snr": 7.154203329774273,
  "spacing_tr": 1.5,
  "spacing_x": 3.0,
  "spacing_y": 3.0,
  "spacing_z": 3.999999523162842,
  "summary_bg_k": 16.70458254845142,
  "summary_bg_mad": 17.910083536293772,
  "summary_bg_mean": 52.97433853149414,
  "summary_bg_median": 21.613922119140625,
  "summary_bg_n": 50169.0,
  "summary_bg_p05": 8.06118106842041,
  "summary_bg_p95": 193.41349182128906,
  "summary_bg_stdv": 78.05899810791016,
  "summary_fg_k": 3.5526235368027486,
  "summary_fg_mad": 84.38634477815027,
  "summary_fg_mean": 709.73193359375,
  "summary_fg_median": 701.4535522460938,
  "summary_fg_n": 31357.0,
  "summary_fg_p05": 579.2058837890625,
  "summary_fg_p95": 868.6101074218749,
  "summary_fg_stdv": 98.04618835449219,
  "tsnr": 75.76564742345363
}