{
  "aor": 0.0024868892508143324,
  "aqi": 0.00969804684039088,
  "bids_meta": {
    "CogAtlasID": "https://www.cognitiveatlas.org/task/id/trm_4c8991fadfe01",
    "DeviceSerialNumber": "45031",
    "DwellTime": 4.9e-06,
    "EchoTime": 0.028,
    "EffectiveEchoSpacing": 0.000355001,
    "FlipAngle": 64,
    "InstitutionAddress": "Washington Rd, Princeton, NJ 08540, USA",
    "InstitutionName": "Princeton University",
    "InstitutionalDepartmentName": "Princeton Neuroscience Institute",
    "MagneticFieldStrength": 3,
    "Manufacturer": "Siemens",
    "ManufacturersModelName": "Skyra",
    "NumberOfVolumesDiscardedByScanner": 3,
    "ParallelReductionFactorInPlane": 2,
    "ParallelReductionType": "GRAPPA",
    "PartialFourier": 1,
    "PhaseEncodingDirection": "j-",
    "PixelBandwidth": 1595,
    "PulseSequenceDetails": "%SiemensSeq%_ep2d_bold",
    "PulseSequenceType": "Gradient Echo EPI",
    "ReceiveCoilActiveElements": "HE1-4",
    "ReceiveCoilName": "HeadNeck_20",
    "RepetitionTime": 1.5,
    "ScanOptions": "FS",
    "ScanningSequence": "EP",
    "SequenceName": "_epfid2d1_64",
    "SequenceVariant": "SK",
    "SliceTiming": [
      0,
      0.7675,
      0.055,
      0.8225,
      0.1075,
      0.875,
      0.1625,
      0.93,
      0.2175,
      0.985,
      0.2725,
      1.04,
      0.3275,
      1.095,
      0.3825,
      1.15,
      0.4375,
      1.205,
      0.4925,
      1.26,
      0.5475,
      1.315,
      0.6025,
      1.37,
      0.6575,
      1.425,
      0.7125
    ],
    "SoftwareVersions": "syngo_MR_D13",
    "StationName": "AWP45031",
    "TaskDescription": "Passively listened to audio story 'merlin'",
    "TaskName": "merlin",
    "TotalReadoutTime": 0.022365,
    "dataset": "ds002345",
    "modality": "bold",
    "subject_id": "156",
    "task_id": "merlin"
  },
  "dummy_trs": 0,
  "dvars_nstd": 23.965265217993473,
  "dvars_std": 1.248112735709624,
  "dvars_vstd": 1.0110741443066877,
  "efc": 0.6360873618319837,
  "fber": 1413.0982666015625,
  "fd_mean": 0.13855953005679889,
  "fd_num": 70,
  "fd_perc": 11.400651465798045,
  "fwhm_avg": 1.7102211111111112,
  "fwhm_x": 1.6480433333333335,
  "fwhm_y": 1.95908,
  "fwhm_z": 1.52354,
  "gcor": 0.0193278,
  "gsr_x": -0.008592125028371811,
  "gsr_y": 0.0558825246989727,
  "provenance": {
    "md5sum": "3d5031260eacdf215439cb9fcc6f0ac4",
    "settings": {
      "fd_thres": 0.2,
      "testing": false
    },
    "software": "mriqc",
    "version": "22.0.0rc1",
    "webapi_port": null,
    "webapi_url": "https://mriqc.nimh.nih.gov/api/v1"
  },
  "size_t": 614,
  "size_x": 64,
  "size_y": 64,
  "size_z": 27,
  "snr": 7.3008328381850705,
  "spacing_tr": 1.5,
  "spacing_x": 3.0,
  "spacing_y": 3.0,
  "spacing_z": 4.0,
  "summary_bg_k": 11.445236762058691,
  "summary_bg_mad": 13.74425346409983,
  "summary_bg_mean": 56.21932601928711,
  "summary_bg_median": 18.952768325805664,
  "summary_bg_n": 50235.0,
  "summary_bg_p05": 8.314332008361816,
  "summary_bg_p95": 239.8392425537108,
  "summary_bg_stdv": 86.01115417480469,
  "summary_fg_k": 3.191762433507936,
  "summary_fg_mad": 96.46574319384646,
  "summary_fg_mean": 769.5093994140625,
  "summary_fg_median": 760.3004150390625,
  "summary_fg_n": 31340.0,
  "summary_fg_p05": 631.8187255859375,
  "summary_fg_p95": 941.4515380859375,
  "summary_fg_stdv": 104.13719940185547,
  "tsnr": 65.02303530555218
}