{
  "aor": 0.003703460764587525,
  "aqi": 0.012808050945674044,
  "bids_meta": {
    "CogAtlasID": "https://www.cognitiveatlas.org/task/id/trm_4c8991fadfe01",
    "DeviceSerialNumber": "66018",
    "DwellTime": 4.2e-06,
    "EchoTime": 0.039,
    "EffectiveEchoSpacing": 0.000929976,
    "FlipAngle": 50,
    "InstitutionAddress": "Washington Rd, Princeton, NJ 08540, USA",
    "InstitutionName": "Princeton University",
    "InstitutionalDepartmentName": "Princeton Neuroscience Institute",
    "MagneticFieldStrength": 3,
    "Manufacturer": "Siemens",
    "ManufacturersModelName": "Prisma",
    "NumberOfVolumesDiscardedByScanner": 3,
    "ParallelReductionType": "GRAPPA",
    "PartialFourier": 0.75,
    "PhaseEncodingDirection": "j-",
    "PixelBandwidth": 1240,
    "PulseSequenceDetails": "%CustomerSeq%_ep2d_bold_sms_mgh_v22",
    "PulseSequenceType": "Gradient Echo EPI",
    "ReceiveCoilActiveElements": "HC1-7;NC1,2",
    "ReceiveCoilName": "HeadNeck_64",
    "RepetitionTime": 1.5,
    "ScanOptions": "PFP_FS",
    "ScanningSequence": "EP",
    "SequenceName": "epfSM2d1_96",
    "SequenceVariant": "SK",
    "SliceTiming": [
      0.6925,
      0,
      0.79,
      0.1,
      0.8875,
      0.1975,
      0.9875,
      0.2975,
      1.085,
      0.395,
      1.185,
      0.495,
      1.2825,
      0.5925,
      1.3825,
      0.6925,
      0,
      0.79,
      0.1,
      0.8875,
      0.1975,
      0.9875,
      0.2975,
      1.085,
      0.395,
      1.185,
      0.495,
      1.2825,
      0.5925,
      1.3825,
      0.6925,
      0,
      0.79,
      0.1,
      0.8875,
      0.1975,
      0.9875,
      0.2975,
      1.085,
      0.395,
      1.185,
      0.495,
      1.2825,
      0.5925,
      1.3825,
      0.6925,
      0,
      0.79,
      0.1,
      0.8875,
      0.1975,
      0.9875,
      0.2975,
      1.085,
      0.395,
      1.185,
      0.495,
      1.2825,
      0.5925,
      1.3825
    ],
    "SoftwareVersions": "syngo_MR_D13D",
    "StationName": "AWP66018",
    "TaskDescription": "Passively listened to audio story 'schema'",
    "TaskName": "schema",
    "TotalReadoutTime": 0.0883478,
    "dataset": "ds002345",
    "modality": "bold",
    "run_id": 3,
    "subject_id": "192",
    "task_id": "schema"
  },
  "dummy_trs": 2,
  "dvars_nstd": 39.998715008548345,
  "dvars_std": 1.0997150229435486,
  "dvars_vstd": 1.0206131520967745,
  "efc": 0.5993417131744821,
  "fber": 284.8267517089844,
  "fd_mean": 0.19054379800945717,
  "fd_num": 161,
  "fd_perc": 32.394366197183096,
  "fwhm_avg": 2.7538866666666664,
  "fwhm_x": 2.52429,
  "fwhm_y": 2.980005,
  "fwhm_z": 2.757365,
  "gcor": 0.0125674,
  "gsr_x": -0.00044226477621123195,
  "gsr_y": 0.05695789307355881,
  "provenance": {
    "md5sum": "ddf7abc4e481c598730e185985331c5c",
    "settings": {
      "fd_thres": 0.2,
      "testing": false
    },
    "software": "mriqc",
    "version": "22.0.0rc1",
    "webapi_port": null,
    "webapi_url": "https://mriqc.nimh.nih.gov/api/v1"
  },
  "size_t": 497,
  "size_x": 96,
  "size_y": 96,
  "size_z": 60,
  "snr": 2.5861364728468086,
  "spacing_tr": 1.5,
  "spacing_x": 2.0,
  "spacing_y": 2.0,
  "spacing_z": 2.0,
  "summary_bg_k": 110.97251319698515,
  "summary_bg_mad": 6.899916615953054,
  "summary_bg_mean": 39.487606048583984,
  "summary_bg_median": 25.470823287963867,
  "summary_bg_n": 313829.0,
  "summary_bg_p05": 19.59356117248535,
  "summary_bg_p95": 100.99195098876953,
  "summary_bg_stdv": 43.15312576293945,
  "summary_fg_k": 2.240431033379936,
  "summary_fg_mad": 158.02690016130907,
  "summary_fg_mean": 469.2833251953125,
  "summary_fg_median": 442.15289306640625,
  "summary_fg_n": 152169.0,
  "summary_fg_p05": 246.88369750976562,
  "summary_fg_p95": 782.1967407226563,
  "summary_fg_stdv": 170.96987915039062,
  "tsnr": 31.97918034158647
}