{
  "aor": 0.0006794949494949496,
  "aqi": 0.010064499434343434,
  "bids_meta": {
    "CogAtlasID": "https://www.cognitiveatlas.org/task/id/trm_4c8991fadfe01",
    "DeviceSerialNumber": "66018",
    "DwellTime": 4.2e-06,
    "EchoTime": 0.039,
    "EffectiveEchoSpacing": 0.000929976,
    "FlipAngle": 50,
    "InstitutionAddress": "Washington Rd, Princeton, NJ 08540, USA",
    "InstitutionName": "Princeton University",
    "InstitutionalDepartmentName": "Princeton Neuroscience Institute",
    "MagneticFieldStrength": 3,
    "Manufacturer": "Siemens",
    "ManufacturersModelName": "Prisma",
    "NumberOfVolumesDiscardedByScanner": 3,
    "ParallelReductionType": "GRAPPA",
    "PartialFourier": 0.75,
    "PhaseEncodingDirection": "j-",
    "PixelBandwidth": 1240,
    "PulseSequenceDetails": "%CustomerSeq%_ep2d_bold_sms_mgh_v22",
    "PulseSequenceType": "Gradient Echo EPI",
    "ReceiveCoilActiveElements": "HC1-7;NC1,2",
    "ReceiveCoilName": "HeadNeck_64",
    "RepetitionTime": 1.5,
    "ScanOptions": "PFP_FS",
    "ScanningSequence": "EP",
    "SequenceName": "epfSM2d1_96",
    "SequenceVariant": "SK",
    "SliceTiming": [
      0.6925,
      0,
      0.79,
      0.1,
      0.8875,
      0.1975,
      0.9875,
      0.2975,
      1.085,
      0.395,
      1.185,
      0.495,
      1.2825,
      0.5925,
      1.3825,
      0.6925,
      0,
      0.79,
      0.1,
      0.8875,
      0.1975,
      0.9875,
      0.2975,
      1.085,
      0.395,
      1.185,
      0.495,
      1.2825,
      0.5925,
      1.3825,
      0.6925,
      0,
      0.79,
      0.1,
      0.8875,
      0.1975,
      0.9875,
      0.2975,
      1.085,
      0.395,
      1.185,
      0.495,
      1.2825,
      0.5925,
      1.3825,
      0.6925,
      0,
      0.79,
      0.1,
      0.8875,
      0.1975,
      0.9875,
      0.2975,
      1.085,
      0.395,
      1.185,
      0.495,
      1.2825,
      0.5925,
      1.3825
    ],
    "SoftwareVersions": "syngo_MR_D13D",
    "StationName": "AWP66018",
    "TaskDescription": "Passively listened to audio story 'schema'",
    "TaskName": "schema",
    "TotalReadoutTime": 0.0883478,
    "dataset": "ds002345",
    "modality": "bold",
    "run_id": 4,
    "subject_id": "192",
    "task_id": "schema"
  },
  "dummy_trs": 0,
  "dvars_nstd": 37.69823770093122,
  "dvars_std": 1.0553656409109322,
  "dvars_vstd": 0.9848033547165996,
  "efc": 0.5998748446819048,
  "fber": 285.24908447265625,
  "fd_mean": 0.158386863542882,
  "fd_num": 82,
  "fd_perc": 16.565656565656564,
  "fwhm_avg": 2.7169266666666663,
  "fwhm_x": 2.488195,
  "fwhm_y": 2.967375,
  "fwhm_z": 2.69521,
  "gcor": 0.0160935,
  "gsr_x": 0.0018154894933104515,
  "gsr_y": 0.055572010576725006,
  "provenance": {
    "md5sum": "fbc72f7e18e1b8e494506e1482086f16",
    "settings": {
      "fd_thres": 0.2,
      "testing": false
    },
    "software": "mriqc",
    "version": "22.0.0rc1",
    "webapi_port": null,
    "webapi_url": "https://mriqc.nimh.nih.gov/api/v1"
  },
  "size_t": 495,
  "size_x": 96,
  "size_y": 96,
  "size_z": 60,
  "snr": 2.6151125465363867,
  "spacing_tr": 1.5,
  "spacing_x": 2.0,
  "spacing_y": 2.0,
  "spacing_z": 2.0,
  "summary_bg_k": 88.08732140081513,
  "summary_bg_mad": 6.957745929933995,
  "summary_bg_mean": 39.597007751464844,
  "summary_bg_median": 25.379798889160156,
  "summary_bg_n": 314650.0,
  "summary_bg_p05": 19.509092330932617,
  "summary_bg_p95": 102.53334045410156,
  "summary_bg_stdv": 41.882781982421875,
  "summary_fg_k": 2.0401860377033616,
  "summary_fg_mad": 155.38268942056214,
  "summary_fg_mean": 465.6717529296875,
  "summary_fg_median": 439.41717529296875,
  "summary_fg_n": 151176.0,
  "summary_fg_p05": 246.2762680053711,
  "summary_fg_p95": 772.8283081054688,
  "summary_fg_stdv": 168.0293731689453,
  "tsnr": 34.08464780263603
}