{
  "aor": 0.0037781081081081085,
  "aqi": 0.010815121698841699,
  "bids_meta": {
    "CogAtlasID": "https://www.cognitiveatlas.org/task/id/trm_4c8991fadfe01",
    "DeviceSerialNumber": "66018",
    "DwellTime": 4.2e-06,
    "EchoTime": 0.039,
    "EffectiveEchoSpacing": 0.000929976,
    "FlipAngle": 50,
    "InstitutionAddress": "Washington Rd, Princeton, NJ 08540, USA",
    "InstitutionName": "Princeton University",
    "InstitutionalDepartmentName": "Princeton Neuroscience Institute",
    "MagneticFieldStrength": 3,
    "Manufacturer": "Siemens",
    "ManufacturersModelName": "Prisma",
    "NumberOfVolumesDiscardedByScanner": 3,
    "ParallelReductionType": "GRAPPA",
    "PartialFourier": 0.75,
    "PhaseEncodingDirection": "j-",
    "PixelBandwidth": 1240,
    "PulseSequenceDetails": "%CustomerSeq%_ep2d_bold_sms_mgh_v22",
    "PulseSequenceType": "Gradient Echo EPI",
    "ReceiveCoilActiveElements": "HC1-7;NC1,2",
    "ReceiveCoilName": "HeadNeck_64",
    "RepetitionTime": 1.5,
    "ScanOptions": "PFP_FS",
    "ScanningSequence": "EP",
    "SequenceName": "epfSM2d1_96",
    "SequenceVariant": "SK",
    "SliceTiming": [
      0.6925,
      0,
      0.79,
      0.1,
      0.8875,
      0.1975,
      0.9875,
      0.2975,
      1.085,
      0.395,
      1.185,
      0.495,
      1.2825,
      0.5925,
      1.3825,
      0.6925,
      0,
      0.79,
      0.1,
      0.8875,
      0.1975,
      0.9875,
      0.2975,
      1.085,
      0.395,
      1.185,
      0.495,
      1.2825,
      0.5925,
      1.3825,
      0.6925,
      0,
      0.79,
      0.1,
      0.8875,
      0.1975,
      0.9875,
      0.2975,
      1.085,
      0.395,
      1.185,
      0.495,
      1.2825,
      0.5925,
      1.3825,
      0.6925,
      0,
      0.79,
      0.1,
      0.8875,
      0.1975,
      0.9875,
      0.2975,
      1.085,
      0.395,
      1.185,
      0.495,
      1.2825,
      0.5925,
      1.3825
    ],
    "SoftwareVersions": "syngo_MR_D13D",
    "StationName": "AWP66018",
    "TaskDescription": "Passively listened to audio story 'schema'",
    "TaskName": "schema",
    "TotalReadoutTime": 0.0883478,
    "dataset": "ds002345",
    "modality": "bold",
    "run_id": 1,
    "subject_id": "192",
    "task_id": "schema"
  },
  "dummy_trs": 0,
  "dvars_nstd": 36.786692443984535,
  "dvars_std": 1.0921650048355898,
  "dvars_vstd": 1.0300451597678917,
  "efc": 0.5987234176827794,
  "fber": 287.36859130859375,
  "fd_mean": 0.14722266700352915,
  "fd_num": 68,
  "fd_perc": 13.127413127413128,
  "fwhm_avg": 2.7535416666666666,
  "fwhm_x": 2.53485,
  "fwhm_y": 2.99984,
  "fwhm_z": 2.725935,
  "gcor": 0.0127097,
  "gsr_x": -0.002399030840024352,
  "gsr_y": 0.055477965623140335,
  "provenance": {
    "md5sum": "8667184d14335e670bccab561b6db726",
    "settings": {
      "fd_thres": 0.2,
      "testing": false
    },
    "software": "mriqc",
    "version": "22.0.0rc1",
    "webapi_port": null,
    "webapi_url": "https://mriqc.nimh.nih.gov/api/v1"
  },
  "size_t": 518,
  "size_x": 96,
  "size_y": 96,
  "size_z": 60,
  "snr": 2.556683500185689,
  "spacing_tr": 1.5,
  "spacing_x": 2.0,
  "spacing_y": 2.0,
  "spacing_z": 2.0,
  "summary_bg_k": 91.56940458076274,
  "summary_bg_mad": 7.982580348052275,
  "summary_bg_mean": 39.494449615478516,
  "summary_bg_median": 25.658300399780273,
  "summary_bg_n": 311996.0,
  "summary_bg_p05": 18.725868225097656,
  "summary_bg_p95": 101.29632949829102,
  "summary_bg_stdv": 42.42522430419922,
  "summary_fg_k": 2.293069394870094,
  "summary_fg_mad": 160.6190560359552,
  "summary_fg_mean": 474.13104248046875,
  "summary_fg_median": 446.0907287597656,
  "summary_fg_n": 152684.0,
  "summary_fg_p05": 247.90791244506835,
  "summary_fg_p95": 793.4621551513673,
  "summary_fg_stdv": 174.4796600341797,
  "tsnr": 32.86118268221617
}