{
  "aor": 0.0009236977491961416,
  "aqi": 0.005102725819935691,
  "bids_meta": {
    "CogAtlasID": "https://www.cognitiveatlas.org/task/id/trm_4c8991fadfe01",
    "DeviceSerialNumber": "66018",
    "DwellTime": 4.2e-06,
    "EchoTime": 0.039,
    "EffectiveEchoSpacing": 0.000929976,
    "FlipAngle": 50,
    "InstitutionAddress": "Washington Rd, Princeton, NJ 08540, USA",
    "InstitutionName": "Princeton University",
    "InstitutionalDepartmentName": "Princeton Neuroscience Institute",
    "MagneticFieldStrength": 3,
    "Manufacturer": "Siemens",
    "ManufacturersModelName": "Prisma",
    "NumberOfVolumesDiscardedByScanner": 3,
    "ParallelReductionType": "GRAPPA",
    "PartialFourier": 0.75,
    "PhaseEncodingDirection": "j-",
    "PixelBandwidth": 1240,
    "PulseSequenceDetails": "%CustomerSeq%_ep2d_bold_sms_mgh_v22",
    "PulseSequenceType": "Gradient Echo EPI",
    "ReceiveCoilActiveElements": "HC1-7;NC1,2",
    "ReceiveCoilName": "HeadNeck_64",
    "RepetitionTime": 1.5,
    "ScanOptions": "PFP_FS",
    "ScanningSequence": "EP",
    "SequenceName": "epfSM2d1_96",
    "SequenceVariant": "SK",
    "SliceTiming": [
      0.6925,
      0,
      0.79,
      0.1,
      0.8875,
      0.1975,
      0.9875,
      0.2975,
      1.085,
      0.395,
      1.185,
      0.495,
      1.2825,
      0.5925,
      1.3825,
      0.6925,
      0,
      0.79,
      0.1,
      0.8875,
      0.1975,
      0.9875,
      0.2975,
      1.085,
      0.395,
      1.185,
      0.495,
      1.2825,
      0.5925,
      1.3825,
      0.6925,
      0,
      0.79,
      0.1,
      0.8875,
      0.1975,
      0.9875,
      0.2975,
      1.085,
      0.395,
      1.185,
      0.495,
      1.2825,
      0.5925,
      1.3825,
      0.6925,
      0,
      0.79,
      0.1,
      0.8875,
      0.1975,
      0.9875,
      0.2975,
      1.085,
      0.395,
      1.185,
      0.495,
      1.2825,
      0.5925,
      1.3825
    ],
    "SoftwareVersions": "syngo_MR_D13D",
    "StationName": "AWP66018",
    "TaskDescription": "Passively listened to audio story 'shapesphysical'",
    "TaskName": "shapesphysical",
    "TotalReadoutTime": 0.0883478,
    "dataset": "ds002345",
    "modality": "bold",
    "subject_id": "220",
    "task_id": "shapesphysical"
  },
  "dummy_trs": 0,
  "dvars_nstd": 36.4416489632258,
  "dvars_std": 1.0855050020322583,
  "dvars_vstd": 1.0067068444193543,
  "efc": 0.6032216154600589,
  "fber": 268.91876220703125,
  "fd_mean": 0.11434388829016763,
  "fd_num": 18,
  "fd_perc": 5.787781350482315,
  "fwhm_avg": 2.81208,
  "fwhm_x": 2.51591,
  "fwhm_y": 3.148095,
  "fwhm_z": 2.772235,
  "gcor": 0.0105551,
  "gsr_x": -0.006234923377633095,
  "gsr_y": 0.06856922805309296,
  "provenance": {
    "md5sum": "bc0f294c4ec339c1c6f92003d9ec1daa",
    "settings": {
      "fd_thres": 0.2,
      "testing": false
    },
    "software": "mriqc",
    "version": "22.0.0rc1",
    "webapi_port": null,
    "webapi_url": "https://mriqc.nimh.nih.gov/api/v1"
  },
  "size_t": 311,
  "size_x": 96,
  "size_y": 96,
  "size_z": 60,
  "snr": 2.548466451626198,
  "spacing_tr": 1.5,
  "spacing_x": 2.0,
  "spacing_y": 2.0,
  "spacing_z": 2.0,
  "summary_bg_k": 108.99474005363572,
  "summary_bg_mad": 6.655025731319827,
  "summary_bg_mean": 43.53240203857422,
  "summary_bg_median": 26.221864700317383,
  "summary_bg_n": 313594.0,
  "summary_bg_p05": 20.672025680541992,
  "summary_bg_p95": 120.63343811035156,
  "summary_bg_stdv": 52.99843978881836,
  "summary_fg_k": 1.0885406662890036,
  "summary_fg_mad": 162.552347973044,
  "summary_fg_mean": 469.8280944824219,
  "summary_fg_median": 447.3183288574219,
  "summary_fg_n": 149851.0,
  "summary_fg_p05": 232.42443084716797,
  "summary_fg_p95": 788.1929016113281,
  "summary_fg_stdv": 175.52392578125,
  "tsnr": 41.28593863081187
}