{
  "bids_meta": {
    "DeviceSerialNumber": "45031",
    "DwellTime": 8.2e-06,
    "EchoTime": 0.00308,
    "FlipAngle": 9,
    "InstitutionAddress": "Washington Rd, Princeton, NJ 08540, USA",
    "InstitutionName": "Princeton University",
    "InstitutionalDepartmentName": "Princeton Neuroscience Institute",
    "InversionTime": 0.9,
    "MagneticFieldStrength": 3,
    "Manufacturer": "Siemens",
    "ManufacturersModelName": "Skyra",
    "ParallelReductionFactorInPlane": 2,
    "ParallelReductionType": "GRAPPA",
    "PartialFourier": 1,
    "PixelBandwidth": 240,
    "PulseSequenceDetails": "%SiemensSeq%_tfl",
    "PulseSequenceType": "MPRAGE",
    "ReceiveCoilActiveElements": "HE1-4",
    "ReceiveCoilName": "HeadNeck_20",
    "RepetitionTime": 2.3,
    "ScanOptions": "IR",
    "ScanningSequence": "GR_IR",
    "SequenceName": "_tfl3d1_16ns",
    "SequenceVariant": "SK_SP_MP",
    "SoftwareVersions": "syngo_MR_D11",
    "StationName": "AWP45031",
    "dataset": "ds002345",
    "modality": "T1w",
    "subject_id": "098"
  },
  "cjv": 0.44730369788199004,
  "cnr": 2.950814680848843,
  "efc": 0.6581941914851556,
  "fber": 790.9450789141061,
  "fwhm_avg": 3.2793457338381184,
  "fwhm_x": 3.317333201514355,
  "fwhm_y": 3.4609105454545452,
  "fwhm_z": 3.059793454545454,
  "icvs_csf": 0.17278074523144132,
  "icvs_gm": 0.4497686621534975,
  "icvs_wm": 0.3774505926150612,
  "inu_med": 1.4865219593048096,
  "inu_range": 0.5896265745162965,
  "provenance": {
    "md5sum": "8650d12d4cb56fb8d7e9fed1511a89a6",
    "settings": {
      "testing": false
    },
    "software": "mriqc",
    "version": "21.0.0rc2",
    "warnings": {
      "large_rot_frame": true,
      "small_air_mask": false
    },
    "webapi_port": null,
    "webapi_url": "https://mriqc.nimh.nih.gov/api/v1"
  },
  "qi_1": 0.0,
  "qi_2": 0.0034852401296643744,
  "rpve_csf": 20.827775791018137,
  "rpve_gm": 9.157760914219972,
  "rpve_wm": 12.641164616703936,
  "size_x": 192,
  "size_y": 256,
  "size_z": 256,
  "snr_csf": 1.5694651094264425,
  "snr_gm": 9.420753316424072,
  "snr_total": 9.189343471617264,
  "snr_wm": 16.577811989001276,
  "snrd_csf": 17.30707522280879,
  "snrd_gm": 36.970858561063885,
  "snrd_total": 35.422824798957,
  "snrd_wm": 51.99054061299832,
  "spacing_x": 0.9000000357627869,
  "spacing_y": 0.859375,
  "spacing_z": 0.859375,
  "summary_bg_k": 140.23047691882812,
  "summary_bg_mad": 12.601069132414592,
  "summary_bg_mean": 22.982419973546246,
  "summary_bg_median": 19.748354874551296,
  "summary_bg_n": 2407415.0,
  "summary_bg_p05": 2.8330973237752914,
  "summary_bg_p95": 50.16248790919781,
  "summary_bg_stdv": 15.769831348446344,
  "summary_csf_k": 45.7836654928197,
  "summary_csf_mad": 127.8637897259716,
  "summary_csf_mean": 374.18934517761295,
  "summary_csf_median": 332.88893554359674,
  "summary_csf_n": 17363.0,
  "summary_csf_p05": 190.82577003464104,
  "summary_csf_p95": 595.7003755196929,
  "summary_csf_stdv": 212.0973236345773,
  "summary_gm_k": 0.3448681717639288,
  "summary_gm_mad": 71.77667809738115,
  "summary_gm_mean": 713.6877117661143,
  "summary_gm_median": 711.1074282675982,
  "summary_gm_n": 41977.0,
  "summary_gm_p05": 593.700542114675,
  "summary_gm_p95": 843.7630441337824,
  "summary_gm_stdv": 75.4821758016273,
  "summary_wm_k": 0.4548604612317395,
  "summary_wm_mad": 57.446050456595934,
  "summary_wm_mean": 999.5590443256389,
  "summary_wm_median": 1000.0000289008021,
  "summary_wm_n": 343764.0,
  "summary_wm_p05": 899.6750530824065,
  "summary_wm_p95": 1097.2419282197952,
  "summary_wm_stdv": 60.32150533960359,
  "tpm_overlap_csf": 0.17642171680927277,
  "tpm_overlap_gm": 0.4454299509525299,
  "tpm_overlap_wm": 0.48859575390815735,
  "wm2max": 0.4418955740481626
}