{
  "aor": 0.00289129659643436,
  "aqi": 0.008139660162074553,
  "bids_meta": {
    "CogAtlasID": "https://www.cognitiveatlas.org/task/id/trm_4c8991fadfe01",
    "DeviceSerialNumber": "45031",
    "DwellTime": 4.9e-06,
    "EchoTime": 0.028,
    "EffectiveEchoSpacing": 0.000355001,
    "FlipAngle": 64,
    "InstitutionAddress": "Washington Rd, Princeton, NJ 08540, USA",
    "InstitutionName": "Princeton University",
    "InstitutionalDepartmentName": "Princeton Neuroscience Institute",
    "MagneticFieldStrength": 3,
    "Manufacturer": "Siemens",
    "ManufacturersModelName": "Skyra",
    "NumberOfVolumesDiscardedByScanner": 3,
    "ParallelReductionFactorInPlane": 2,
    "ParallelReductionType": "GRAPPA",
    "PartialFourier": 1,
    "PhaseEncodingDirection": "j-",
    "PixelBandwidth": 1595,
    "PulseSequenceDetails": "%SiemensSeq%_ep2d_bold",
    "PulseSequenceType": "Gradient Echo EPI",
    "ReceiveCoilActiveElements": "HE1-4",
    "ReceiveCoilName": "HeadNeck_20",
    "RepetitionTime": 1.5,
    "ScanOptions": "FS",
    "ScanningSequence": "EP",
    "SequenceName": "_epfid2d1_64",
    "SequenceVariant": "SK",
    "SliceTiming": [
      0,
      0.7675,
      0.055,
      0.8225,
      0.1075,
      0.875,
      0.1625,
      0.93,
      0.2175,
      0.985,
      0.2725,
      1.04,
      0.3275,
      1.095,
      0.3825,
      1.15,
      0.4375,
      1.205,
      0.4925,
      1.26,
      0.5475,
      1.315,
      0.6025,
      1.37,
      0.6575,
      1.425,
      0.7125
    ],
    "SoftwareVersions": "syngo_MR_D13",
    "StationName": "AWP45031",
    "TaskDescription": "Passively listened to audio story 'merlin'",
    "TaskName": "merlin",
    "TotalReadoutTime": 0.022365,
    "dataset": "ds002345",
    "modality": "bold",
    "subject_id": "178",
    "task_id": "merlin"
  },
  "dummy_trs": 0,
  "dvars_nstd": 22.29939062863635,
  "dvars_std": 1.2656302989448043,
  "dvars_vstd": 1.0375005713961039,
  "efc": 0.6378675860829855,
  "fber": 1186.349853515625,
  "fd_mean": 0.12371647199918041,
  "fd_num": 77,
  "fd_perc": 12.479740680713128,
  "fwhm_avg": 1.7824180555555555,
  "fwhm_x": 1.7687799999999998,
  "fwhm_y": 2.0083766666666665,
  "fwhm_z": 1.5700975,
  "gcor": 0.030162,
  "gsr_x": -0.005461961030960083,
  "gsr_y": 0.05108201503753662,
  "provenance": {
    "md5sum": "a2f4a0bf1b211194cb024f2853f6ec62",
    "settings": {
      "fd_thres": 0.2,
      "testing": false
    },
    "software": "mriqc",
    "version": "22.0.0rc1",
    "webapi_port": null,
    "webapi_url": "https://mriqc.nimh.nih.gov/api/v1"
  },
  "size_t": 617,
  "size_x": 64,
  "size_y": 64,
  "size_z": 27,
  "snr": 6.844278690436445,
  "spacing_tr": 1.5,
  "spacing_x": 3.0,
  "spacing_y": 3.0,
  "spacing_z": 4.0,
  "summary_bg_k": 17.03672365408881,
  "summary_bg_mad": 21.095241556943538,
  "summary_bg_mean": 66.21945190429688,
  "summary_bg_median": 22.442462921142578,
  "summary_bg_n": 50239.0,
  "summary_bg_p05": 6.150729179382324,
  "summary_bg_p95": 278.0768310546874,
  "summary_bg_stdv": 104.34989166259766,
  "summary_fg_k": 2.409403758209975,
  "summary_fg_mad": 111.88357559063508,
  "summary_fg_mean": 831.2024536132812,
  "summary_fg_median": 822.9537963867188,
  "summary_fg_n": 31302.0,
  "summary_fg_p05": 664.3875244140625,
  "summary_fg_p95": 1028.6022583007812,
  "summary_fg_stdv": 120.23774719238281,
  "tsnr": 66.8750602635555
}