{
  "aor": 0.0005484364820846905,
  "aqi": 0.0044451177198697065,
  "bids_meta": {
    "CogAtlasID": "https://www.cognitiveatlas.org/task/id/trm_4c8991fadfe01",
    "DeviceSerialNumber": "66018",
    "DwellTime": 4.2e-06,
    "EchoTime": 0.039,
    "EffectiveEchoSpacing": 0.000929976,
    "FlipAngle": 50,
    "InstitutionAddress": "Washington Rd, Princeton, NJ 08540, USA",
    "InstitutionName": "Princeton University",
    "InstitutionalDepartmentName": "Princeton Neuroscience Institute",
    "MagneticFieldStrength": 3,
    "Manufacturer": "Siemens",
    "ManufacturersModelName": "Prisma",
    "NumberOfVolumesDiscardedByScanner": 3,
    "ParallelReductionType": "GRAPPA",
    "PartialFourier": 0.75,
    "PhaseEncodingDirection": "j-",
    "PixelBandwidth": 1240,
    "PulseSequenceDetails": "%CustomerSeq%_ep2d_bold_sms_mgh_v22",
    "PulseSequenceType": "Gradient Echo EPI",
    "ReceiveCoilActiveElements": "HC1-7;NC1,2",
    "ReceiveCoilName": "HeadNeck_64",
    "RepetitionTime": 1.5,
    "ScanOptions": "PFP_FS",
    "ScanningSequence": "EP",
    "SequenceName": "epfSM2d1_96",
    "SequenceVariant": "SK",
    "SliceTiming": [
      0.6925,
      0,
      0.79,
      0.1,
      0.8875,
      0.1975,
      0.9875,
      0.2975,
      1.085,
      0.395,
      1.185,
      0.495,
      1.2825,
      0.5925,
      1.3825,
      0.6925,
      0,
      0.79,
      0.1,
      0.8875,
      0.1975,
      0.9875,
      0.2975,
      1.085,
      0.395,
      1.185,
      0.495,
      1.2825,
      0.5925,
      1.3825,
      0.6925,
      0,
      0.79,
      0.1,
      0.8875,
      0.1975,
      0.9875,
      0.2975,
      1.085,
      0.395,
      1.185,
      0.495,
      1.2825,
      0.5925,
      1.3825,
      0.6925,
      0,
      0.79,
      0.1,
      0.8875,
      0.1975,
      0.9875,
      0.2975,
      1.085,
      0.395,
      1.185,
      0.495,
      1.2825,
      0.5925,
      1.3825
    ],
    "SoftwareVersions": "syngo_MR_D13D",
    "StationName": "AWP66018",
    "TaskDescription": "Passively listened to audio story 'shapessocial'",
    "TaskName": "shapessocial",
    "TotalReadoutTime": 0.0883478,
    "dataset": "ds002345",
    "modality": "bold",
    "subject_id": "242",
    "task_id": "shapessocial"
  },
  "dummy_trs": 2,
  "dvars_nstd": 31.894102738496727,
  "dvars_std": 1.089101576111111,
  "dvars_vstd": 0.9960375307189542,
  "efc": 0.5826791189440277,
  "fber": 197.29173278808594,
  "fd_mean": 0.08680971034596392,
  "fd_num": 1,
  "fd_perc": 0.3257328990228013,
  "fwhm_avg": 2.869911666666667,
  "fwhm_x": 2.672885,
  "fwhm_y": 3.046075,
  "fwhm_z": 2.890775,
  "gcor": 0.00882218,
  "gsr_x": 0.011937386356294155,
  "gsr_y": 0.04026755690574646,
  "provenance": {
    "md5sum": "efc21c87c48e9176f679645f9b48cb2e",
    "settings": {
      "fd_thres": 0.2,
      "testing": false
    },
    "software": "mriqc",
    "version": "22.0.0rc1",
    "webapi_port": null,
    "webapi_url": "https://mriqc.nimh.nih.gov/api/v1"
  },
  "size_t": 307,
  "size_x": 96,
  "size_y": 96,
  "size_z": 60,
  "snr": 1.9774998038096387,
  "spacing_tr": 1.5,
  "spacing_x": 2.0,
  "spacing_y": 2.0,
  "spacing_z": 2.0,
  "summary_bg_k": 65.01064177555332,
  "summary_bg_mad": 8.852149420770186,
  "summary_bg_mean": 56.297576904296875,
  "summary_bg_median": 33.69706726074219,
  "summary_bg_n": 323970.0,
  "summary_bg_p05": 26.566774368286133,
  "summary_bg_p95": 160.47084274291987,
  "summary_bg_stdv": 73.15277862548828,
  "summary_fg_k": 4.905309313001369,
  "summary_fg_mad": 194.68447529009106,
  "summary_fg_mean": 537.5836181640625,
  "summary_fg_median": 483.7198486328125,
  "summary_fg_n": 143175.0,
  "summary_fg_p05": 259.9211700439453,
  "summary_fg_p95": 998.0888732910153,
  "summary_fg_stdv": 244.61097717285156,
  "tsnr": 45.115497960941866
}