{
  "aor": 0.0007474358974358974,
  "aqi": 0.004064648557692308,
  "bids_meta": {
    "CogAtlasID": "https://www.cognitiveatlas.org/task/id/trm_4c8991fadfe01",
    "DeviceSerialNumber": "66018",
    "DwellTime": 4.2e-06,
    "EchoTime": 0.039,
    "EffectiveEchoSpacing": 0.000929976,
    "FlipAngle": 50,
    "InstitutionAddress": "Washington Rd, Princeton, NJ 08540, USA",
    "InstitutionName": "Princeton University",
    "InstitutionalDepartmentName": "Princeton Neuroscience Institute",
    "MagneticFieldStrength": 3,
    "Manufacturer": "Siemens",
    "ManufacturersModelName": "Prisma",
    "NumberOfVolumesDiscardedByScanner": 3,
    "ParallelReductionType": "GRAPPA",
    "PartialFourier": 0.75,
    "PhaseEncodingDirection": "j-",
    "PixelBandwidth": 1240,
    "PulseSequenceDetails": "%CustomerSeq%_ep2d_bold_sms_mgh_v22",
    "PulseSequenceType": "Gradient Echo EPI",
    "ReceiveCoilActiveElements": "HC1-7;NC1,2",
    "ReceiveCoilName": "HeadNeck_64",
    "RepetitionTime": 1.5,
    "ScanOptions": "PFP_FS",
    "ScanningSequence": "EP",
    "SequenceName": "epfSM2d1_96",
    "SequenceVariant": "SK",
    "SliceTiming": [
      0.6925,
      0,
      0.79,
      0.1,
      0.8875,
      0.1975,
      0.9875,
      0.2975,
      1.085,
      0.395,
      1.185,
      0.495,
      1.2825,
      0.5925,
      1.3825,
      0.6925,
      0,
      0.79,
      0.1,
      0.8875,
      0.1975,
      0.9875,
      0.2975,
      1.085,
      0.395,
      1.185,
      0.495,
      1.2825,
      0.5925,
      1.3825,
      0.6925,
      0,
      0.79,
      0.1,
      0.8875,
      0.1975,
      0.9875,
      0.2975,
      1.085,
      0.395,
      1.185,
      0.495,
      1.2825,
      0.5925,
      1.3825,
      0.6925,
      0,
      0.79,
      0.1,
      0.8875,
      0.1975,
      0.9875,
      0.2975,
      1.085,
      0.395,
      1.185,
      0.495,
      1.2825,
      0.5925,
      1.3825
    ],
    "SoftwareVersions": "syngo_MR_D13D",
    "StationName": "AWP66018",
    "TaskDescription": "Passively listened to audio story 'shapesphysical'",
    "TaskName": "shapesphysical",
    "TotalReadoutTime": 0.0883478,
    "dataset": "ds002345",
    "modality": "bold",
    "subject_id": "242",
    "task_id": "shapesphysical"
  },
  "dummy_trs": 1,
  "dvars_nstd": 33.47894614003215,
  "dvars_std": 1.0954345266559486,
  "dvars_vstd": 0.9905877975884237,
  "efc": 0.5857676169045489,
  "fber": 175.73728942871094,
  "fd_mean": 0.09179143243317944,
  "fd_num": 0,
  "fd_perc": 0.0,
  "fwhm_avg": 2.8386550000000006,
  "fwhm_x": 2.65971,
  "fwhm_y": 3.020125,
  "fwhm_z": 2.83613,
  "gcor": 0.00436979,
  "gsr_x": 0.011623842641711235,
  "gsr_y": 0.03918158635497093,
  "provenance": {
    "md5sum": "f41f7a910cf42355dced35409f704f65",
    "settings": {
      "fd_thres": 0.2,
      "testing": false
    },
    "software": "mriqc",
    "version": "22.0.0rc1",
    "webapi_port": null,
    "webapi_url": "https://mriqc.nimh.nih.gov/api/v1"
  },
  "size_t": 312,
  "size_x": 96,
  "size_y": 96,
  "size_z": 60,
  "snr": 1.9867855187319634,
  "spacing_tr": 1.5,
  "spacing_x": 2.0,
  "spacing_y": 2.0,
  "spacing_z": 2.0,
  "summary_bg_k": 70.50859350278225,
  "summary_bg_mad": 8.078277258293303,
  "summary_bg_mean": 56.677249908447266,
  "summary_bg_median": 35.58654022216797,
  "summary_bg_n": 324433.0,
  "summary_bg_p05": 29.096155166625977,
  "summary_bg_p95": 153.0942382812499,
  "summary_bg_stdv": 69.03727722167969,
  "summary_fg_k": 4.8027085311490465,
  "summary_fg_mad": 193.08989063473237,
  "summary_fg_mean": 535.9049072265625,
  "summary_fg_median": 482.4391174316406,
  "summary_fg_n": 142811.0,
  "summary_fg_p05": 259.42950439453125,
  "summary_fg_p95": 996.0080261230469,
  "summary_fg_stdv": 242.82310485839844,
  "tsnr": 46.04079907387495
}