{
  "bids_meta": {
    "DeviceSerialNumber": "66018",
    "DwellTime": 9.8e-06,
    "EchoTime": 0.00267,
    "FlipAngle": 7,
    "InstitutionAddress": "Washington Rd, Building 25, Princeton, NJ 08540, USA",
    "InstitutionName": "Princeton University",
    "InstitutionalDepartmentName": "Princeton Neuroscience Institute",
    "InversionTime": 1.2,
    "MagneticFieldStrength": 3,
    "Manufacturer": "Siemens",
    "ManufacturersModelName": "Prisma",
    "ParallelReductionFactorInPlane": 2,
    "ParellelReductionType": "TODO",
    "PartialFourier": 1,
    "PixelBandwidth": 200,
    "PulseSequenceDetails": "%SiemensSeq%_tfl",
    "PulseSequenceType": "MPRAGE",
    "ReceiveCoilActiveElements": "HC1-7;NC1",
    "ReceiveCoilName": "HeadNeck_64",
    "RepetitionTime": 2.53,
    "ScanOptions": "IR",
    "ScanningSequence": "GR_IR",
    "SequenceName": "_tfl3d1_16",
    "SequenceVariant": "SK_SP_MP",
    "SoftwareVersions": "syngo_MR_D13D",
    "StationName": "AWP66018",
    "dataset": "ds002345",
    "modality": "T1w",
    "run_id": 2,
    "subject_id": "191"
  },
  "cjv": 0.3240339048793549,
  "cnr": 3.856191870256086,
  "efc": 0.6004513135134749,
  "fber": 3999.032404396462,
  "fwhm_avg": 4.10381,
  "fwhm_x": 4.01363,
  "fwhm_y": 4.11208,
  "fwhm_z": 4.18572,
  "icvs_csf": 0.17659234325252124,
  "icvs_gm": 0.47016326098653516,
  "icvs_wm": 0.3532443957609436,
  "inu_med": 0.6828312277793884,
  "inu_range": 0.3773250877857208,
  "provenance": {
    "md5sum": "bd87ef81def2771d28478c561ddfe715",
    "settings": {
      "testing": false
    },
    "software": "mriqc",
    "version": "22.0.6",
    "warnings": {
      "large_rot_frame": true,
      "small_air_mask": false
    },
    "webapi_port": null,
    "webapi_url": "https://mriqc.nimh.nih.gov/api/v1"
  },
  "qi_1": 0.000378469704857507,
  "qi_2": 0.0016729121697142506,
  "rpve_csf": 25.143398571394066,
  "rpve_gm": 10.499050166382734,
  "rpve_wm": 15.296326222652686,
  "size_x": 176,
  "size_y": 256,
  "size_z": 256,
  "snr_csf": 1.9604507922169885,
  "snr_gm": 11.386576335429758,
  "snr_total": 10.220136921955286,
  "snr_wm": 17.31338363821911,
  "snrd_csf": 10.783404802258845,
  "snrd_gm": 36.837399832756105,
  "snrd_total": 34.099028603445035,
  "snrd_wm": 54.676281175320156,
  "spacing_x": 1.0,
  "spacing_y": 1.0,
  "spacing_z": 1.0,
  "summary_bg_k": 6.961415513398551,
  "summary_bg_mad": 11.982629870340585,
  "summary_bg_mean": 14.762973981437197,
  "summary_bg_median": 8.082161027938128,
  "summary_bg_n": 2895923.0,
  "summary_bg_p05": 0.0,
  "summary_bg_p95": 48.89484157785773,
  "summary_bg_stdv": 17.930399882449827,
  "summary_csf_k": 4.3890343320504455,
  "summary_csf_mad": 77.58918346982963,
  "summary_csf_mean": 216.09889813091507,
  "summary_csf_median": 197.23152077570558,
  "summary_csf_n": 28948.0,
  "summary_csf_p05": 87.65349225327373,
  "summary_csf_p95": 418.7675733055917,
  "summary_csf_stdv": 100.60345042953459,
  "summary_gm_k": 0.17623007972755333,
  "summary_gm_mad": 58.191887602372226,
  "summary_gm_mean": 672.2374397690133,
  "summary_gm_median": 673.7664516605437,
  "summary_gm_n": 45256.0,
  "summary_gm_p05": 572.7617652229965,
  "summary_gm_p95": 767.0908524803817,
  "summary_gm_stdv": 59.17134244969409,
  "summary_wm_k": 1.949381897832633,
  "summary_wm_mad": 47.53330523151679,
  "summary_wm_mean": 997.1355663462356,
  "summary_wm_median": 1000.0446319431067,
  "summary_wm_n": 208328.0,
  "summary_wm_p05": 895.4386953016743,
  "summary_wm_p95": 1083.2774946838617,
  "summary_wm_stdv": 57.761224071999585,
  "tpm_overlap_csf": 0.1614540114407053,
  "tpm_overlap_gm": 0.47878546276736106,
  "tpm_overlap_wm": 0.5079064919424349,
  "wm2max": 0.4508142273395197
}