{
  "bids_meta": {
    "DeviceSerialNumber": "66018",
    "DwellTime": 9.8e-06,
    "EchoTime": 0.00267,
    "FlipAngle": 7,
    "InstitutionAddress": "Washington Rd, Building 25, Princeton, NJ 08540, USA",
    "InstitutionName": "Princeton University",
    "InstitutionalDepartmentName": "Princeton Neuroscience Institute",
    "InversionTime": 1.2,
    "MagneticFieldStrength": 3,
    "Manufacturer": "Siemens",
    "ManufacturersModelName": "Prisma",
    "ParallelReductionFactorInPlane": 2,
    "ParellelReductionType": "TODO",
    "PartialFourier": 1,
    "PixelBandwidth": 200,
    "PulseSequenceDetails": "%SiemensSeq%_tfl",
    "PulseSequenceType": "MPRAGE",
    "ReceiveCoilActiveElements": "HC1-7;NC1",
    "ReceiveCoilName": "HeadNeck_64",
    "RepetitionTime": 2.53,
    "ScanOptions": "IR",
    "ScanningSequence": "GR_IR",
    "SequenceName": "_tfl3d1_16",
    "SequenceVariant": "SK_SP_MP",
    "SoftwareVersions": "syngo_MR_D13D",
    "StationName": "AWP66018",
    "dataset": "ds002345",
    "modality": "T1w",
    "run_id": 1,
    "subject_id": "191"
  },
  "cjv": 0.42282249262547816,
  "cnr": 2.9371231991682794,
  "efc": 0.6112259934458631,
  "fber": 272.0253867403947,
  "fwhm_avg": 3.74431,
  "fwhm_x": 3.6926,
  "fwhm_y": 3.77732,
  "fwhm_z": 3.76301,
  "icvs_csf": 0.1816577468042812,
  "icvs_gm": 0.4570834322391069,
  "icvs_wm": 0.3612588209566119,
  "inu_med": 1.3058611154556274,
  "inu_range": 0.5990726470947265,
  "provenance": {
    "md5sum": "1f418da2a3b8e36707bb0fa617c220ee",
    "settings": {
      "testing": false
    },
    "software": "mriqc",
    "version": "22.0.0rc1",
    "warnings": {
      "large_rot_frame": true,
      "small_air_mask": false
    },
    "webapi_port": null,
    "webapi_url": "https://mriqc.nimh.nih.gov/api/v1"
  },
  "qi_1": 0.0,
  "qi_2": 0.002367696886477547,
  "rpve_csf": 24.850058998524492,
  "rpve_gm": 11.015782939893109,
  "rpve_wm": 16.136065351769357,
  "size_x": 176,
  "size_y": 256,
  "size_z": 256,
  "snr_csf": 2.2785679219765407,
  "snr_gm": 10.090956816387745,
  "snr_total": 9.556654543287854,
  "snr_wm": 16.300438891499272,
  "snrd_csf": 9.919948018549793,
  "snrd_gm": 17.435157185604787,
  "snrd_total": 17.254241413155444,
  "snrd_wm": 24.40761903531175,
  "spacing_x": 1.0,
  "spacing_y": 1.0,
  "spacing_z": 1.0,
  "summary_bg_k": 2.028188965465983,
  "summary_bg_mad": 26.841469942540222,
  "summary_bg_mean": 45.69178849492373,
  "summary_bg_median": 42.89931093156338,
  "summary_bg_n": 3587251.0,
  "summary_bg_p05": 8.527385964989662,
  "summary_bg_p95": 91.83338731527328,
  "summary_bg_stdv": 26.17594891865489,
  "summary_csf_k": 8.717132781762553,
  "summary_csf_mad": 200.92201775829022,
  "summary_csf_mean": 390.59599950718683,
  "summary_csf_median": 406.42833414673805,
  "summary_csf_n": 7699.0,
  "summary_csf_p05": 138.85864114835857,
  "summary_csf_p95": 617.6451249718666,
  "summary_csf_stdv": 178.3584919684493,
  "summary_gm_k": 0.37752568240802464,
  "summary_gm_mad": 67.10367485635055,
  "summary_gm_mean": 717.3564381908787,
  "summary_gm_median": 714.3325627595186,
  "summary_gm_n": 26995.0,
  "summary_gm_p05": 605.5559154845774,
  "summary_gm_p95": 841.4299708038568,
  "summary_gm_stdv": 70.78806745520737,
  "summary_wm_k": 2.094158419488764,
  "summary_wm_mad": 53.682939885080444,
  "summary_wm_mean": 1004.3720044539267,
  "summary_wm_median": 999.9999925866723,
  "summary_wm_n": 208338.0,
  "summary_wm_p05": 913.0206557437778,
  "summary_wm_p95": 1108.9537471085787,
  "summary_wm_stdv": 61.34789371586005,
  "tpm_overlap_csf": 0.16110798716545105,
  "tpm_overlap_gm": 0.46325215697288513,
  "tpm_overlap_wm": 0.49841979146003723,
  "wm2max": 0.3688246963758649
}