{
  "aor": 0.0010758466453674122,
  "aqi": 0.00373516910543131,
  "bids_meta": {
    "CogAtlasID": "https://www.cognitiveatlas.org/task/id/trm_4c8991fadfe01",
    "DeviceSerialNumber": "66018",
    "DwellTime": 4.2e-06,
    "EchoTime": 0.039,
    "EffectiveEchoSpacing": 0.000929976,
    "FlipAngle": 50,
    "InstitutionAddress": "Washington Rd, Princeton, NJ 08540, USA",
    "InstitutionName": "Princeton University",
    "InstitutionalDepartmentName": "Princeton Neuroscience Institute",
    "MagneticFieldStrength": 3,
    "Manufacturer": "Siemens",
    "ManufacturersModelName": "Prisma",
    "NumberOfVolumesDiscardedByScanner": 3,
    "ParallelReductionType": "GRAPPA",
    "PartialFourier": 0.75,
    "PhaseEncodingDirection": "j-",
    "PixelBandwidth": 1240,
    "PulseSequenceDetails": "%CustomerSeq%_ep2d_bold_sms_mgh_v22",
    "PulseSequenceType": "Gradient Echo EPI",
    "ReceiveCoilActiveElements": "HC1-7;NC1,2",
    "ReceiveCoilName": "HeadNeck_64",
    "RepetitionTime": 1.5,
    "ScanOptions": "PFP_FS",
    "ScanningSequence": "EP",
    "SequenceName": "epfSM2d1_96",
    "SequenceVariant": "SK",
    "SliceTiming": [
      0.6925,
      0,
      0.79,
      0.1,
      0.8875,
      0.1975,
      0.9875,
      0.2975,
      1.085,
      0.395,
      1.185,
      0.495,
      1.2825,
      0.5925,
      1.3825,
      0.6925,
      0,
      0.79,
      0.1,
      0.8875,
      0.1975,
      0.9875,
      0.2975,
      1.085,
      0.395,
      1.185,
      0.495,
      1.2825,
      0.5925,
      1.3825,
      0.6925,
      0,
      0.79,
      0.1,
      0.8875,
      0.1975,
      0.9875,
      0.2975,
      1.085,
      0.395,
      1.185,
      0.495,
      1.2825,
      0.5925,
      1.3825,
      0.6925,
      0,
      0.79,
      0.1,
      0.8875,
      0.1975,
      0.9875,
      0.2975,
      1.085,
      0.395,
      1.185,
      0.495,
      1.2825,
      0.5925,
      1.3825
    ],
    "SoftwareVersions": "syngo_MR_D13D",
    "StationName": "AWP66018",
    "TaskDescription": "Passively listened to audio story 'shapesphysical'",
    "TaskName": "shapesphysical",
    "TotalReadoutTime": 0.0883478,
    "dataset": "ds002345",
    "modality": "bold",
    "subject_id": "246",
    "task_id": "shapesphysical"
  },
  "dummy_trs": 1,
  "dvars_nstd": 28.54349882788465,
  "dvars_std": 1.0362391777884625,
  "dvars_vstd": 1.0024493123717944,
  "efc": 0.6021571898023087,
  "fber": 210.7147216796875,
  "fd_mean": 0.055699471986008366,
  "fd_num": 1,
  "fd_perc": 0.3194888178913738,
  "fwhm_avg": 2.8171433333333336,
  "fwhm_x": 2.614355,
  "fwhm_y": 2.97917,
  "fwhm_z": 2.857905,
  "gcor": 0.00499193,
  "gsr_x": 0.021050075069069862,
  "gsr_y": 0.03222792595624924,
  "provenance": {
    "md5sum": "873d8732b7f594c3f86da99e45ab62d1",
    "settings": {
      "fd_thres": 0.2,
      "testing": false
    },
    "software": "mriqc",
    "version": "22.0.0rc1",
    "webapi_port": null,
    "webapi_url": "https://mriqc.nimh.nih.gov/api/v1"
  },
  "size_t": 313,
  "size_x": 96,
  "size_y": 96,
  "size_z": 60,
  "snr": 1.867286803183338,
  "spacing_tr": 1.5,
  "spacing_x": 2.0,
  "spacing_y": 2.0,
  "spacing_z": 2.0,
  "summary_bg_k": 39.213915666699585,
  "summary_bg_mad": 13.63236293202448,
  "summary_bg_mean": 54.77311706542969,
  "summary_bg_median": 32.15335464477539,
  "summary_bg_n": 294338.0,
  "summary_bg_p05": 20.674121856689453,
  "summary_bg_p95": 166.60206909179655,
  "summary_bg_stdv": 67.87921905517578,
  "summary_fg_k": 3.924393070188593,
  "summary_fg_mad": 204.8312378274194,
  "summary_fg_mean": 541.5957641601562,
  "summary_fg_median": 484.13897705078125,
  "summary_fg_n": 166864.0,
  "summary_fg_p05": 248.26708526611327,
  "summary_fg_p95": 1039.8965026855471,
  "summary_fg_stdv": 259.27325439453125,
  "tsnr": 45.33477558894083
}