{
  "aor": 0.000879611650485437,
  "aqi": 0.00436340569579288,
  "bids_meta": {
    "CogAtlasID": "https://www.cognitiveatlas.org/task/id/trm_4c8991fadfe01",
    "DeviceSerialNumber": "66018",
    "DwellTime": 4.2e-06,
    "EchoTime": 0.039,
    "EffectiveEchoSpacing": 0.000929976,
    "FlipAngle": 50,
    "InstitutionAddress": "Washington Rd, Princeton, NJ 08540, USA",
    "InstitutionName": "Princeton University",
    "InstitutionalDepartmentName": "Princeton Neuroscience Institute",
    "MagneticFieldStrength": 3,
    "Manufacturer": "Siemens",
    "ManufacturersModelName": "Prisma",
    "NumberOfVolumesDiscardedByScanner": 3,
    "ParallelReductionType": "GRAPPA",
    "PartialFourier": 0.75,
    "PhaseEncodingDirection": "j-",
    "PixelBandwidth": 1240,
    "PulseSequenceDetails": "%CustomerSeq%_ep2d_bold_sms_mgh_v22",
    "PulseSequenceType": "Gradient Echo EPI",
    "ReceiveCoilActiveElements": "HC1-7;NC1,2",
    "ReceiveCoilName": "HeadNeck_64",
    "RepetitionTime": 1.5,
    "ScanOptions": "PFP_FS",
    "ScanningSequence": "EP",
    "SequenceName": "epfSM2d1_96",
    "SequenceVariant": "SK",
    "SliceTiming": [
      0.6925,
      0,
      0.79,
      0.1,
      0.8875,
      0.1975,
      0.9875,
      0.2975,
      1.085,
      0.395,
      1.185,
      0.495,
      1.2825,
      0.5925,
      1.3825,
      0.6925,
      0,
      0.79,
      0.1,
      0.8875,
      0.1975,
      0.9875,
      0.2975,
      1.085,
      0.395,
      1.185,
      0.495,
      1.2825,
      0.5925,
      1.3825,
      0.6925,
      0,
      0.79,
      0.1,
      0.8875,
      0.1975,
      0.9875,
      0.2975,
      1.085,
      0.395,
      1.185,
      0.495,
      1.2825,
      0.5925,
      1.3825,
      0.6925,
      0,
      0.79,
      0.1,
      0.8875,
      0.1975,
      0.9875,
      0.2975,
      1.085,
      0.395,
      1.185,
      0.495,
      1.2825,
      0.5925,
      1.3825
    ],
    "SoftwareVersions": "syngo_MR_D13D",
    "StationName": "AWP66018",
    "TaskDescription": "Passively listened to audio story 'shapessocial'",
    "TaskName": "shapessocial",
    "TotalReadoutTime": 0.0883478,
    "dataset": "ds002345",
    "modality": "bold",
    "subject_id": "246",
    "task_id": "shapessocial"
  },
  "dummy_trs": 1,
  "dvars_nstd": 28.460905520909094,
  "dvars_std": 1.0294663544480522,
  "dvars_vstd": 0.9981313399350644,
  "efc": 0.6042739244926404,
  "fber": 206.83282470703125,
  "fd_mean": 0.053954598824312985,
  "fd_num": 1,
  "fd_perc": 0.32362459546925565,
  "fwhm_avg": 2.809981666666667,
  "fwhm_x": 2.601625,
  "fwhm_y": 2.96752,
  "fwhm_z": 2.8608,
  "gcor": 0.00384787,
  "gsr_x": 0.02463625930249691,
  "gsr_y": 0.03062690794467926,
  "provenance": {
    "md5sum": "4f3fc57808c9a52e6777e1726ae03f0e",
    "settings": {
      "fd_thres": 0.2,
      "testing": false
    },
    "software": "mriqc",
    "version": "22.0.0rc1",
    "webapi_port": null,
    "webapi_url": "https://mriqc.nimh.nih.gov/api/v1"
  },
  "size_t": 309,
  "size_x": 96,
  "size_y": 96,
  "size_z": 60,
  "snr": 1.901859415498614,
  "spacing_tr": 1.5,
  "spacing_x": 2.0,
  "spacing_y": 2.0,
  "spacing_z": 2.0,
  "summary_bg_k": 37.45736721383446,
  "summary_bg_mad": 13.237862380619827,
  "summary_bg_mean": 55.72828674316406,
  "summary_bg_median": 32.190940856933594,
  "summary_bg_n": 296521.0,
  "summary_bg_p05": 20.977346420288086,
  "summary_bg_p95": 173.96763610839844,
  "summary_bg_stdv": 69.77410125732422,
  "summary_fg_k": 3.547908643715913,
  "summary_fg_mad": 202.17612293827588,
  "summary_fg_mean": 533.9258422851562,
  "summary_fg_median": 478.7152404785156,
  "summary_fg_n": 165705.0,
  "summary_fg_p05": 246.18836059570313,
  "summary_fg_p95": 1019.168969726562,
  "summary_fg_stdv": 251.7082977294922,
  "tsnr": 43.18046480580233
}