{
  "aor": 0.0005083797909407665,
  "aqi": 0.018002779268292683,
  "bids_meta": {
    "AcquisitionMatrixPE": 96,
    "BandwidthPerPixelPhaseEncode": 20.425,
    "BaseResolution": 96,
    "BodyPartExamined": "BRAIN",
    "ConsistencyInfo": "N4_VE11C_LATEST_20160120",
    "ConversionSoftware": "dcm2niix",
    "ConversionSoftwareVersion": "v1.0.20180328 GCC6.3.0",
    "DerivedVendorReportedEchoSpacing": 0.000509996,
    "DeviceSerialNumber": "66018",
    "DwellTime": 2.1e-06,
    "EchoTime": 0.031,
    "EchoTrainLength": 96,
    "EffectiveEchoSpacing": 0.000509996,
    "FlipAngle": 67,
    "ImageOrientationPatientDICOM": [
      1,
      0,
      0,
      0,
      1,
      0
    ],
    "ImageType": [
      "ORIGINAL",
      "PRIMARY",
      "M",
      "ND",
      "NORM",
      "MOSAIC"
    ],
    "InPlanePhaseEncodingDirectionDICOM": "COL",
    "InstitutionAddress": "Washington Rd, Princeton, NJ 08540, USA",
    "InstitutionName": "Princeton University",
    "InstitutionalDepartmentName": "Princeton Neuroscience Institute",
    "MRAcquisitionType": "2D",
    "MagneticFieldStrength": 3,
    "Manufacturer": "Siemens",
    "ManufacturersModelName": "Prisma",
    "Modality": "MR",
    "MultibandAccelerationFactor": 3,
    "NumberOfVolumesDiscardedByScanner": 3,
    "PartialFourier": 1,
    "PatientPosition": "HFS",
    "PercentPhaseFOV": 100,
    "PhaseEncodingDirection": "j-",
    "PhaseEncodingSteps": 96,
    "PhaseResolution": 1,
    "PixelBandwidth": 2480,
    "ProcedureStepDescription": "Hasson_Nastase_042518_Storyteller",
    "ProtocolName": "func_task-forgot",
    "PulseSequenceDetails": "%SiemensSeq%_ep2d_bold",
    "ReceiveCoilActiveElements": "HC1-7;NC1",
    "ReceiveCoilName": "HeadNeck_64",
    "ReconMatrixPE": 96,
    "RepetitionTime": 1.5,
    "SAR": 0.0431774,
    "ScanOptions": "FS",
    "ScanningSequence": "EP",
    "SequenceName": "_epfid2d1_96",
    "SequenceVariant": "SK",
    "SeriesDescription": "func_task-forgot",
    "SeriesNumber": 11,
    "ShimSetting": [
      732,
      514,
      2039,
      567,
      -34,
      40,
      60,
      60
    ],
    "SliceThickness": 2.5,
    "SliceTiming": [
      1.11,
      0,
      0.74,
      0.0925,
      0.8325,
      0.185,
      0.925,
      0.2775,
      1.0175,
      0.4625,
      1.2025,
      0.555,
      1.295,
      0.6475,
      1.3875,
      0.37,
      1.11,
      0,
      0.74,
      0.0925,
      0.8325,
      0.185,
      0.925,
      0.2775,
      1.0175,
      0.4625,
      1.2025,
      0.555,
      1.295,
      0.6475,
      1.3875,
      0.37,
      1.11,
      0,
      0.74,
      0.0925,
      0.8325,
      0.185,
      0.925,
      0.2775,
      1.0175,
      0.4625,
      1.2025,
      0.555,
      1.295,
      0.6475,
      1.3875,
      0.37
    ],
    "SoftwareVersions": "syngo_MR_E11",
    "SpacingBetweenSlices": 2.5,
    "StationName": "AWP66018",
    "TaskDescription": "Passively listened to audio story 'forgot'",
    "TaskName": "forgot",
    "TotalReadoutTime": 0.0484496,
    "TxRefAmp": 231.4,
    "dataset": "ds002345",
    "modality": "bold",
    "subject_id": "276",
    "task_id": "forgot"
  },
  "dummy_trs": 0,
  "dvars_nstd": 25.35135867986038,
  "dvars_std": 1.0870251589354276,
  "dvars_vstd": 0.9439508354624784,
  "efc": 0.47029146586378834,
  "fber": 3757.900390625,
  "fd_mean": 0.15539509087412764,
  "fd_num": 132,
  "fd_perc": 22.99651567944251,
  "fwhm_avg": 1.8576413333333335,
  "fwhm_x": 1.7099,
  "fwhm_y": 2.004216,
  "fwhm_z": 1.8588080000000002,
  "gcor": 0.0108186,
  "gsr_x": -0.01576838456094265,
  "gsr_y": 0.03074702061712742,
  "provenance": {
    "md5sum": "d094ee1f379ccb2ca6f7dd044231dea2",
    "settings": {
      "fd_thres": 0.2,
      "testing": false
    },
    "software": "mriqc",
    "version": "22.0.0rc1",
    "webapi_port": null,
    "webapi_url": "https://mriqc.nimh.nih.gov/api/v1"
  },
  "size_t": 574,
  "size_x": 96,
  "size_y": 96,
  "size_z": 48,
  "snr": 6.164592207745439,
  "spacing_tr": 1.5,
  "spacing_x": 2.5,
  "spacing_y": 2.5,
  "spacing_z": 2.5,
  "summary_bg_k": 45.14781293596508,
  "summary_bg_mad": 7.648058268507561,
  "summary_bg_mean": 31.265853881835938,
  "summary_bg_median": 12.184669494628906,
  "summary_bg_n": 308022.0,
  "summary_bg_p05": 5.391985893249512,
  "summary_bg_p95": 115.537981414795,
  "summary_bg_stdv": 62.93610382080078,
  "summary_fg_k": 2.37405561488724,
  "summary_fg_mad": 112.1456823610148,
  "summary_fg_mean": 750.6302490234375,
  "summary_fg_median": 746.530517578125,
  "summary_fg_n": 72014.0,
  "summary_fg_p05": 579.8717681884766,
  "summary_fg_p95": 942.9407958984375,
  "summary_fg_stdv": 121.0988998413086,
  "tsnr": 43.78790709085297
}