{
  "aor": 0.0006316410256410256,
  "aqi": 0.01196409376923077,
  "bids_meta": {
    "AcquisitionMatrixPE": 96,
    "BandwidthPerPixelPhaseEncode": 20.425,
    "BaseResolution": 96,
    "BodyPartExamined": "BRAIN",
    "ConsistencyInfo": "N4_VE11C_LATEST_20160120",
    "ConversionSoftware": "dcm2niix",
    "ConversionSoftwareVersion": "v1.0.20180328 GCC6.3.0",
    "DerivedVendorReportedEchoSpacing": 0.000509996,
    "DeviceSerialNumber": "66018",
    "DwellTime": 2.1e-06,
    "EchoTime": 0.031,
    "EchoTrainLength": 96,
    "EffectiveEchoSpacing": 0.000509996,
    "FlipAngle": 67,
    "ImageOrientationPatientDICOM": [
      1,
      0,
      0,
      0,
      1,
      0
    ],
    "ImageType": [
      "ORIGINAL",
      "PRIMARY",
      "M",
      "ND",
      "NORM",
      "MOSAIC"
    ],
    "InPlanePhaseEncodingDirectionDICOM": "COL",
    "InstitutionAddress": "Washington Rd, Princeton, NJ 08540, USA",
    "InstitutionName": "Princeton University",
    "InstitutionalDepartmentName": "Princeton Neuroscience Institute",
    "MRAcquisitionType": "2D",
    "MagneticFieldStrength": 3,
    "Manufacturer": "Siemens",
    "ManufacturersModelName": "Prisma",
    "Modality": "MR",
    "MultibandAccelerationFactor": 3,
    "NumberOfVolumesDiscardedByScanner": 3,
    "PartialFourier": 1,
    "PatientPosition": "HFS",
    "PercentPhaseFOV": 100,
    "PhaseEncodingDirection": "j-",
    "PhaseEncodingSteps": 96,
    "PhaseResolution": 1,
    "PixelBandwidth": 2480,
    "ProcedureStepDescription": "Hasson_Nastase_042518_Storyteller",
    "ProtocolName": "func_task-bronx",
    "PulseSequenceDetails": "%SiemensSeq%_ep2d_bold",
    "ReceiveCoilActiveElements": "HC1-7;NC1",
    "ReceiveCoilName": "HeadNeck_64",
    "ReconMatrixPE": 96,
    "RepetitionTime": 1.5,
    "SAR": 0.0431518,
    "ScanOptions": "FS",
    "ScanningSequence": "EP",
    "SequenceName": "_epfid2d1_96",
    "SequenceVariant": "SK",
    "SeriesDescription": "func_task-bronx",
    "SeriesNumber": 9,
    "ShimSetting": [
      732,
      514,
      2039,
      567,
      -34,
      40,
      60,
      60
    ],
    "SliceThickness": 2.5,
    "SliceTiming": [
      1.11,
      0,
      0.74,
      0.0925,
      0.8325,
      0.185,
      0.925,
      0.2775,
      1.0175,
      0.4625,
      1.2025,
      0.555,
      1.295,
      0.6475,
      1.3875,
      0.37,
      1.11,
      0,
      0.74,
      0.0925,
      0.8325,
      0.185,
      0.925,
      0.2775,
      1.0175,
      0.4625,
      1.2025,
      0.555,
      1.295,
      0.6475,
      1.3875,
      0.37,
      1.11,
      0,
      0.74,
      0.0925,
      0.8325,
      0.185,
      0.925,
      0.2775,
      1.0175,
      0.4625,
      1.2025,
      0.555,
      1.295,
      0.6475,
      1.3875,
      0.37
    ],
    "SoftwareVersions": "syngo_MR_E11",
    "SpacingBetweenSlices": 2.5,
    "StationName": "AWP66018",
    "TaskDescription": "Passively listened to audio story 'bronx'",
    "TaskName": "bronx",
    "TotalReadoutTime": 0.0484496,
    "TxRefAmp": 231.4,
    "dataset": "ds002345",
    "modality": "bold",
    "subject_id": "276",
    "task_id": "bronx"
  },
  "dummy_trs": 0,
  "dvars_nstd": 23.57553581115683,
  "dvars_std": 1.0929135691773775,
  "dvars_vstd": 0.9736616846529565,
  "efc": 0.4686125335779224,
  "fber": 3829.006591796875,
  "fd_mean": 0.15885983730959913,
  "fd_num": 80,
  "fd_perc": 20.512820512820515,
  "fwhm_avg": 1.8367319999999998,
  "fwhm_x": 1.688672,
  "fwhm_y": 1.9762119999999999,
  "fwhm_z": 1.8453119999999998,
  "gcor": 0.00990486,
  "gsr_x": -0.015843858942389488,
  "gsr_y": 0.031394895166158676,
  "provenance": {
    "md5sum": "2b0f17d0f5096eb66c9f615bc4867c93",
    "settings": {
      "fd_thres": 0.2,
      "testing": false
    },
    "software": "mriqc",
    "version": "22.0.0rc1",
    "webapi_port": null,
    "webapi_url": "https://mriqc.nimh.nih.gov/api/v1"
  },
  "size_t": 390,
  "size_x": 96,
  "size_y": 96,
  "size_z": 48,
  "snr": 6.106163116005697,
  "spacing_tr": 1.5,
  "spacing_x": 2.5,
  "spacing_y": 2.5,
  "spacing_z": 2.5,
  "summary_bg_k": 47.05578580471715,
  "summary_bg_mad": 7.511851146167072,
  "summary_bg_mean": 30.47991943359375,
  "summary_bg_median": 12.01025676727295,
  "summary_bg_n": 308102.0,
  "summary_bg_p05": 5.4076924324035645,
  "summary_bg_p95": 110.9896179199219,
  "summary_bg_stdv": 61.29209899902344,
  "summary_fg_k": 2.4352760594274603,
  "summary_fg_mad": 112.44203992117141,
  "summary_fg_mean": 749.945556640625,
  "summary_fg_median": 745.6615600585938,
  "summary_fg_n": 71955.0,
  "summary_fg_p05": 578.524609375,
  "summary_fg_p95": 943.0187744140625,
  "summary_fg_stdv": 122.11537170410156,
  "tsnr": 53.69341205467936
}