{
  "aor": 0.0018784013605442178,
  "aqi": 0.010365882789115646,
  "bids_meta": {
    "AcquisitionMatrixPE": 96,
    "BandwidthPerPixelPhaseEncode": 20.425,
    "BaseResolution": 96,
    "BodyPartExamined": "BRAIN",
    "ConsistencyInfo": "N4_VE11C_LATEST_20160120",
    "ConversionSoftware": "dcm2niix",
    "ConversionSoftwareVersion": "v1.0.20180328 GCC6.3.0",
    "DerivedVendorReportedEchoSpacing": 0.000509996,
    "DeviceSerialNumber": "66018",
    "DwellTime": 2.1e-06,
    "EchoTime": 0.031,
    "EchoTrainLength": 96,
    "EffectiveEchoSpacing": 0.000509996,
    "FlipAngle": 67,
    "ImageOrientationPatientDICOM": [
      1,
      0,
      0,
      0,
      1,
      0
    ],
    "ImageType": [
      "ORIGINAL",
      "PRIMARY",
      "M",
      "ND",
      "NORM",
      "MOSAIC"
    ],
    "InPlanePhaseEncodingDirectionDICOM": "COL",
    "InstitutionAddress": "Washington Rd, Princeton, NJ 08540, USA",
    "InstitutionName": "Princeton University",
    "InstitutionalDepartmentName": "Princeton Neuroscience Institute",
    "MRAcquisitionType": "2D",
    "MagneticFieldStrength": 3,
    "Manufacturer": "Siemens",
    "ManufacturersModelName": "Prisma",
    "Modality": "MR",
    "MultibandAccelerationFactor": 3,
    "NumberOfVolumesDiscardedByScanner": 3,
    "PartialFourier": 1,
    "PatientPosition": "HFS",
    "PercentPhaseFOV": 100,
    "PhaseEncodingDirection": "j-",
    "PhaseEncodingSteps": 96,
    "PhaseResolution": 1,
    "PixelBandwidth": 2480,
    "ProcedureStepDescription": "Hasson_Nastase_042518_Storyteller",
    "ProtocolName": "func_task-pieman",
    "PulseSequenceDetails": "%SiemensSeq%_ep2d_bold",
    "ReceiveCoilActiveElements": "HC1-7;NC1",
    "ReceiveCoilName": "HeadNeck_64",
    "ReconMatrixPE": 96,
    "RepetitionTime": 1.5,
    "SAR": 0.043126,
    "ScanOptions": "FS",
    "ScanningSequence": "EP",
    "SequenceName": "_epfid2d1_96",
    "SequenceVariant": "SK",
    "SeriesDescription": "func_task-pieman",
    "SeriesNumber": 10,
    "ShimSetting": [
      732,
      514,
      2039,
      567,
      -34,
      40,
      60,
      60
    ],
    "SliceThickness": 2.5,
    "SliceTiming": [
      1.11,
      0,
      0.74,
      0.0925,
      0.8325,
      0.185,
      0.925,
      0.2775,
      1.0175,
      0.4625,
      1.2025,
      0.555,
      1.295,
      0.6475,
      1.3875,
      0.37,
      1.11,
      0,
      0.74,
      0.0925,
      0.8325,
      0.185,
      0.925,
      0.2775,
      1.0175,
      0.4625,
      1.2025,
      0.555,
      1.295,
      0.6475,
      1.3875,
      0.37,
      1.11,
      0,
      0.74,
      0.0925,
      0.8325,
      0.185,
      0.925,
      0.2775,
      1.0175,
      0.4625,
      1.2025,
      0.555,
      1.295,
      0.6475,
      1.3875,
      0.37
    ],
    "SoftwareVersions": "syngo_MR_E11",
    "SpacingBetweenSlices": 2.5,
    "StationName": "AWP66018",
    "TaskDescription": "Passively listened to audio story 'piemanpni'",
    "TaskName": "piemanpni",
    "TotalReadoutTime": 0.0484496,
    "TxRefAmp": 231.4,
    "dataset": "ds002345",
    "modality": "bold",
    "subject_id": "276",
    "task_id": "piemanpni"
  },
  "dummy_trs": 0,
  "dvars_nstd": 24.521727083481245,
  "dvars_std": 1.155123195426621,
  "dvars_vstd": 1.0016702131740616,
  "efc": 0.4688266214452523,
  "fber": 3807.850341796875,
  "fd_mean": 0.13998773192175543,
  "fd_num": 26,
  "fd_perc": 8.843537414965986,
  "fwhm_avg": 1.8246399999999998,
  "fwhm_x": 1.6875879999999999,
  "fwhm_y": 1.9637920000000002,
  "fwhm_z": 1.82254,
  "gcor": 0.00991621,
  "gsr_x": -0.015585746616125107,
  "gsr_y": 0.02996125817298889,
  "provenance": {
    "md5sum": "9e34f13043788a79b7976e3cb5bc2fa7",
    "settings": {
      "fd_thres": 0.2,
      "testing": false
    },
    "software": "mriqc",
    "version": "22.0.0rc1",
    "webapi_port": null,
    "webapi_url": "https://mriqc.nimh.nih.gov/api/v1"
  },
  "size_t": 294,
  "size_x": 96,
  "size_y": 96,
  "size_z": 48,
  "snr": 6.138795733910086,
  "spacing_tr": 1.5,
  "spacing_x": 2.5,
  "spacing_y": 2.5,
  "spacing_z": 2.5,
  "summary_bg_k": 46.11019187054443,
  "summary_bg_mad": 7.559254216595558,
  "summary_bg_mean": 30.837039947509766,
  "summary_bg_median": 12.088435173034668,
  "summary_bg_n": 308186.0,
  "summary_bg_p05": 5.418367385864258,
  "summary_bg_p95": 113.58843231201172,
  "summary_bg_stdv": 62.24561309814453,
  "summary_fg_k": 2.3798828998846986,
  "summary_fg_mad": 112.4483290358068,
  "summary_fg_mean": 752.8588256835938,
  "summary_fg_median": 748.35205078125,
  "summary_fg_n": 71838.0,
  "summary_fg_p05": 581.3911743164062,
  "summary_fg_p95": 946.8197021484375,
  "summary_fg_stdv": 121.90450286865234,
  "tsnr": 57.36987107107416
}