{
  "aor": 0.0006082363636363635,
  "aqi": 0.025281060909090908,
  "bids_meta": {
    "AcquisitionMatrixPE": 96,
    "BandwidthPerPixelPhaseEncode": 20.425,
    "BaseResolution": 96,
    "BodyPartExamined": "BRAIN",
    "ConsistencyInfo": "N4_VE11C_LATEST_20160120",
    "ConversionSoftware": "dcm2niix",
    "ConversionSoftwareVersion": "v1.0.20180328 GCC6.3.0",
    "DerivedVendorReportedEchoSpacing": 0.000509996,
    "DeviceSerialNumber": "66018",
    "DwellTime": 2.1e-06,
    "EchoTime": 0.031,
    "EchoTrainLength": 96,
    "EffectiveEchoSpacing": 0.000509996,
    "FlipAngle": 67,
    "ImageOrientationPatientDICOM": [
      1,
      0,
      0,
      0,
      1,
      0
    ],
    "ImageType": [
      "ORIGINAL",
      "PRIMARY",
      "M",
      "ND",
      "NORM",
      "MOSAIC"
    ],
    "InPlanePhaseEncodingDirectionDICOM": "COL",
    "InstitutionAddress": "Washington Rd, Princeton, NJ 08540, USA",
    "InstitutionName": "Princeton University",
    "InstitutionalDepartmentName": "Princeton Neuroscience Institute",
    "MRAcquisitionType": "2D",
    "MagneticFieldStrength": 3,
    "Manufacturer": "Siemens",
    "ManufacturersModelName": "Prisma",
    "Modality": "MR",
    "MultibandAccelerationFactor": 3,
    "NumberOfVolumesDiscardedByScanner": 3,
    "PartialFourier": 1,
    "PatientPosition": "HFS",
    "PercentPhaseFOV": 100,
    "PhaseEncodingDirection": "j-",
    "PhaseEncodingSteps": 96,
    "PhaseResolution": 1,
    "PixelBandwidth": 2480,
    "ProcedureStepDescription": "Hasson_Nastase_042518_Storyteller",
    "ProtocolName": "func_task-black",
    "PulseSequenceDetails": "%SiemensSeq%_ep2d_bold",
    "ReceiveCoilActiveElements": "HC1-7;NC1",
    "ReceiveCoilName": "HeadNeck_64",
    "ReconMatrixPE": 96,
    "RepetitionTime": 1.5,
    "SAR": 0.043695,
    "ScanOptions": "FS",
    "ScanningSequence": "EP",
    "SequenceName": "_epfid2d1_96",
    "SequenceVariant": "SK",
    "SeriesDescription": "func_task-black",
    "SeriesNumber": 9,
    "ShimSetting": [
      733,
      530,
      2102,
      597,
      -84,
      71,
      43,
      100
    ],
    "SliceThickness": 2.5,
    "SliceTiming": [
      1.11,
      0,
      0.74,
      0.0925,
      0.8325,
      0.185,
      0.925,
      0.2775,
      1.0175,
      0.4625,
      1.2025,
      0.555,
      1.295,
      0.6475,
      1.3875,
      0.37,
      1.11,
      0,
      0.74,
      0.0925,
      0.8325,
      0.185,
      0.925,
      0.2775,
      1.0175,
      0.4625,
      1.2025,
      0.555,
      1.295,
      0.6475,
      1.3875,
      0.37,
      1.11,
      0,
      0.74,
      0.0925,
      0.8325,
      0.185,
      0.925,
      0.2775,
      1.0175,
      0.4625,
      1.2025,
      0.555,
      1.295,
      0.6475,
      1.3875,
      0.37
    ],
    "SoftwareVersions": "syngo_MR_E11",
    "SpacingBetweenSlices": 2.5,
    "StationName": "AWP66018",
    "TaskDescription": "Passively listened to audio story 'black'",
    "TaskName": "black",
    "TotalReadoutTime": 0.0484496,
    "TxRefAmp": 233.982,
    "dataset": "ds002345",
    "modality": "bold",
    "subject_id": "282",
    "task_id": "black"
  },
  "dummy_trs": 0,
  "dvars_nstd": 32.32166928489982,
  "dvars_std": 1.1509831099453551,
  "dvars_vstd": 0.9431264518214941,
  "efc": 0.45751065736938024,
  "fber": 3579.68603515625,
  "fd_mean": 0.21329643130677436,
  "fd_num": 201,
  "fd_perc": 36.54545454545455,
  "fwhm_avg": 1.9908093333333332,
  "fwhm_x": 1.897596,
  "fwhm_y": 2.209432,
  "fwhm_z": 1.8654,
  "gcor": 0.0225379,
  "gsr_x": -0.016928574070334435,
  "gsr_y": 0.02749321050941944,
  "provenance": {
    "md5sum": "dd072f896e684e335268dc783c55dc65",
    "settings": {
      "fd_thres": 0.2,
      "testing": false
    },
    "software": "mriqc",
    "version": "22.0.0rc1",
    "webapi_port": null,
    "webapi_url": "https://mriqc.nimh.nih.gov/api/v1"
  },
  "size_t": 550,
  "size_x": 96,
  "size_y": 96,
  "size_z": 48,
  "snr": 6.065760021904897,
  "spacing_tr": 1.5,
  "spacing_x": 2.5,
  "spacing_y": 2.5,
  "spacing_z": 2.5,
  "summary_bg_k": 30.987698589814663,
  "summary_bg_mad": 7.706836322578507,
  "summary_bg_mean": 30.661096572875977,
  "summary_bg_median": 12.480000495910645,
  "summary_bg_n": 315137.0,
  "summary_bg_p05": 5.625454425811768,
  "summary_bg_p95": 116.96036376953127,
  "summary_bg_stdv": 57.20817184448242,
  "summary_fg_k": 1.8542126512345183,
  "summary_fg_mad": 119.18908354378414,
  "summary_fg_mean": 750.476318359375,
  "summary_fg_median": 750.3372802734375,
  "summary_fg_n": 65824.0,
  "summary_fg_p05": 567.9644470214844,
  "summary_fg_p95": 945.2181182861328,
  "summary_fg_stdv": 123.69951629638672,
  "tsnr": 38.377044800436124
}