{
  "aor": 0.0014412891986062717,
  "aqi": 0.019707411324041815,
  "bids_meta": {
    "AcquisitionMatrixPE": 96,
    "BandwidthPerPixelPhaseEncode": 20.425,
    "BaseResolution": 96,
    "BodyPartExamined": "BRAIN",
    "ConsistencyInfo": "N4_VE11C_LATEST_20160120",
    "ConversionSoftware": "dcm2niix",
    "ConversionSoftwareVersion": "v1.0.20180328 GCC6.3.0",
    "DerivedVendorReportedEchoSpacing": 0.000509996,
    "DeviceSerialNumber": "66018",
    "DwellTime": 2.1e-06,
    "EchoTime": 0.031,
    "EchoTrainLength": 96,
    "EffectiveEchoSpacing": 0.000509996,
    "FlipAngle": 67,
    "ImageOrientationPatientDICOM": [
      1,
      0,
      0,
      0,
      1,
      0
    ],
    "ImageType": [
      "ORIGINAL",
      "PRIMARY",
      "M",
      "ND",
      "NORM",
      "MOSAIC"
    ],
    "InPlanePhaseEncodingDirectionDICOM": "COL",
    "InstitutionAddress": "Washington Rd, Princeton, NJ 08540, USA",
    "InstitutionName": "Princeton University",
    "InstitutionalDepartmentName": "Princeton Neuroscience Institute",
    "MRAcquisitionType": "2D",
    "MagneticFieldStrength": 3,
    "Manufacturer": "Siemens",
    "ManufacturersModelName": "Prisma",
    "Modality": "MR",
    "MultibandAccelerationFactor": 3,
    "NumberOfVolumesDiscardedByScanner": 3,
    "PartialFourier": 1,
    "PatientPosition": "HFS",
    "PercentPhaseFOV": 100,
    "PhaseEncodingDirection": "j-",
    "PhaseEncodingSteps": 96,
    "PhaseResolution": 1,
    "PixelBandwidth": 2480,
    "ProcedureStepDescription": "Hasson_Nastase_042518_Storyteller",
    "ProtocolName": "func_task-forgot",
    "PulseSequenceDetails": "%SiemensSeq%_ep2d_bold",
    "ReceiveCoilActiveElements": "HC1-7;NC1",
    "ReceiveCoilName": "HeadNeck_64",
    "ReconMatrixPE": 96,
    "RepetitionTime": 1.5,
    "SAR": 0.0436974,
    "ScanOptions": "FS",
    "ScanningSequence": "EP",
    "SequenceName": "_epfid2d1_96",
    "SequenceVariant": "SK",
    "SeriesDescription": "func_task-forgot",
    "SeriesNumber": 10,
    "ShimSetting": [
      733,
      530,
      2102,
      597,
      -84,
      71,
      43,
      100
    ],
    "SliceThickness": 2.5,
    "SliceTiming": [
      1.11,
      0,
      0.74,
      0.0925,
      0.8325,
      0.185,
      0.925,
      0.2775,
      1.0175,
      0.4625,
      1.2025,
      0.555,
      1.295,
      0.6475,
      1.3875,
      0.37,
      1.11,
      0,
      0.74,
      0.0925,
      0.8325,
      0.185,
      0.925,
      0.2775,
      1.0175,
      0.4625,
      1.2025,
      0.555,
      1.295,
      0.6475,
      1.3875,
      0.37,
      1.11,
      0,
      0.74,
      0.0925,
      0.8325,
      0.185,
      0.925,
      0.2775,
      1.0175,
      0.4625,
      1.2025,
      0.555,
      1.295,
      0.6475,
      1.3875,
      0.37
    ],
    "SoftwareVersions": "syngo_MR_E11",
    "SpacingBetweenSlices": 2.5,
    "StationName": "AWP66018",
    "TaskDescription": "Passively listened to audio story 'forgot'",
    "TaskName": "forgot",
    "TotalReadoutTime": 0.0484496,
    "TxRefAmp": 233.982,
    "dataset": "ds002345",
    "modality": "bold",
    "subject_id": "282",
    "task_id": "forgot"
  },
  "dummy_trs": 0,
  "dvars_nstd": 29.22605704598602,
  "dvars_std": 1.1412354631064572,
  "dvars_vstd": 0.9694816438743452,
  "efc": 0.4572340260272237,
  "fber": 3561.294921875,
  "fd_mean": 0.2034433976087094,
  "fd_num": 222,
  "fd_perc": 38.67595818815331,
  "fwhm_avg": 1.9701506666666668,
  "fwhm_x": 1.890364,
  "fwhm_y": 2.19618,
  "fwhm_z": 1.823908,
  "gcor": 0.0167314,
  "gsr_x": -0.01714341901242733,
  "gsr_y": 0.026001326739788055,
  "provenance": {
    "md5sum": "5dca2a13aad1fffed66514d1a060d602",
    "settings": {
      "fd_thres": 0.2,
      "testing": false
    },
    "software": "mriqc",
    "version": "22.0.0rc1",
    "webapi_port": null,
    "webapi_url": "https://mriqc.nimh.nih.gov/api/v1"
  },
  "size_t": 574,
  "size_x": 96,
  "size_y": 96,
  "size_z": 48,
  "snr": 6.136067686235825,
  "spacing_tr": 1.5,
  "spacing_x": 2.5,
  "spacing_y": 2.5,
  "spacing_z": 2.5,
  "summary_bg_k": 31.660777643619745,
  "summary_bg_mad": 7.671303814632346,
  "summary_bg_mean": 31.218868255615234,
  "summary_bg_median": 12.588850021362305,
  "summary_bg_n": 315364.0,
  "summary_bg_p05": 5.712543487548828,
  "summary_bg_p95": 118.92334747314453,
  "summary_bg_stdv": 59.114532470703125,
  "summary_fg_k": 1.7441073777298346,
  "summary_fg_mad": 118.52293509215272,
  "summary_fg_mean": 751.1236572265625,
  "summary_fg_median": 750.0052490234375,
  "summary_fg_n": 65181.0,
  "summary_fg_p05": 569.4721069335938,
  "summary_fg_p95": 945.1515502929688,
  "summary_fg_stdv": 122.22803497314453,
  "tsnr": 40.72751982137561
}