{
  "aor": 0.0024009487179487182,
  "aqi": 0.01632821705128205,
  "bids_meta": {
    "AcquisitionMatrixPE": 96,
    "BandwidthPerPixelPhaseEncode": 20.425,
    "BaseResolution": 96,
    "BodyPartExamined": "BRAIN",
    "ConsistencyInfo": "N4_VE11C_LATEST_20160120",
    "ConversionSoftware": "dcm2niix",
    "ConversionSoftwareVersion": "v1.0.20180328 GCC6.3.0",
    "DerivedVendorReportedEchoSpacing": 0.000509996,
    "DeviceSerialNumber": "66018",
    "DwellTime": 2.1e-06,
    "EchoTime": 0.031,
    "EchoTrainLength": 96,
    "EffectiveEchoSpacing": 0.000509996,
    "FlipAngle": 67,
    "ImageOrientationPatientDICOM": [
      1,
      0,
      0,
      0,
      1,
      0
    ],
    "ImageType": [
      "ORIGINAL",
      "PRIMARY",
      "M",
      "ND",
      "NORM",
      "MOSAIC"
    ],
    "InPlanePhaseEncodingDirectionDICOM": "COL",
    "InstitutionAddress": "Washington Rd, Princeton, NJ 08540, USA",
    "InstitutionName": "Princeton University",
    "InstitutionalDepartmentName": "Princeton Neuroscience Institute",
    "MRAcquisitionType": "2D",
    "MagneticFieldStrength": 3,
    "Manufacturer": "Siemens",
    "ManufacturersModelName": "Prisma",
    "Modality": "MR",
    "MultibandAccelerationFactor": 3,
    "NumberOfVolumesDiscardedByScanner": 3,
    "PartialFourier": 1,
    "PatientPosition": "HFS",
    "PercentPhaseFOV": 100,
    "PhaseEncodingDirection": "j-",
    "PhaseEncodingSteps": 96,
    "PhaseResolution": 1,
    "PixelBandwidth": 2480,
    "ProcedureStepDescription": "Hasson_Nastase_042518_Storyteller",
    "ProtocolName": "func_task-bronx",
    "PulseSequenceDetails": "%SiemensSeq%_ep2d_bold",
    "ReceiveCoilActiveElements": "HC1-7;NC1",
    "ReceiveCoilName": "HeadNeck_64",
    "ReconMatrixPE": 96,
    "RepetitionTime": 1.5,
    "SAR": 0.0436715,
    "ScanOptions": "FS",
    "ScanningSequence": "EP",
    "SequenceName": "_epfid2d1_96",
    "SequenceVariant": "SK",
    "SeriesDescription": "func_task-bronx",
    "SeriesNumber": 8,
    "ShimSetting": [
      733,
      530,
      2102,
      597,
      -84,
      71,
      43,
      100
    ],
    "SliceThickness": 2.5,
    "SliceTiming": [
      1.11,
      0,
      0.74,
      0.0925,
      0.8325,
      0.185,
      0.925,
      0.2775,
      1.0175,
      0.4625,
      1.2025,
      0.555,
      1.295,
      0.6475,
      1.3875,
      0.37,
      1.11,
      0,
      0.74,
      0.0925,
      0.8325,
      0.185,
      0.925,
      0.2775,
      1.0175,
      0.4625,
      1.2025,
      0.555,
      1.295,
      0.6475,
      1.3875,
      0.37,
      1.11,
      0,
      0.74,
      0.0925,
      0.8325,
      0.185,
      0.925,
      0.2775,
      1.0175,
      0.4625,
      1.2025,
      0.555,
      1.295,
      0.6475,
      1.3875,
      0.37
    ],
    "SoftwareVersions": "syngo_MR_E11",
    "SpacingBetweenSlices": 2.5,
    "StationName": "AWP66018",
    "TaskDescription": "Passively listened to audio story 'bronx'",
    "TaskName": "bronx",
    "TotalReadoutTime": 0.0484496,
    "TxRefAmp": 233.982,
    "dataset": "ds002345",
    "modality": "bold",
    "subject_id": "282",
    "task_id": "bronx"
  },
  "dummy_trs": 0,
  "dvars_nstd": 30.43844867807198,
  "dvars_std": 1.2562431022879181,
  "dvars_vstd": 1.0079196394087404,
  "efc": 0.45617366706100904,
  "fber": 3829.230712890625,
  "fd_mean": 0.15213718202144275,
  "fd_num": 80,
  "fd_perc": 20.512820512820515,
  "fwhm_avg": 1.9502439999999999,
  "fwhm_x": 1.8505759999999998,
  "fwhm_y": 2.170384,
  "fwhm_z": 1.8297720000000002,
  "gcor": 0.0221746,
  "gsr_x": -0.017875609919428825,
  "gsr_y": 0.027770526707172394,
  "provenance": {
    "md5sum": "6e9eb15a060a2d1c1af81c57ab8682ee",
    "settings": {
      "fd_thres": 0.2,
      "testing": false
    },
    "software": "mriqc",
    "version": "22.0.0rc1",
    "webapi_port": null,
    "webapi_url": "https://mriqc.nimh.nih.gov/api/v1"
  },
  "size_t": 390,
  "size_x": 96,
  "size_y": 96,
  "size_z": 48,
  "snr": 6.03923638002167,
  "spacing_tr": 1.5,
  "spacing_x": 2.5,
  "spacing_y": 2.5,
  "spacing_z": 2.5,
  "summary_bg_k": 34.91522511702835,
  "summary_bg_mad": 7.644905227671925,
  "summary_bg_mean": 30.35480499267578,
  "summary_bg_median": 12.069231033325195,
  "summary_bg_n": 315075.0,
  "summary_bg_p05": 5.2820515632629395,
  "summary_bg_p95": 116.10333862304685,
  "summary_bg_stdv": 58.29248046875,
  "summary_fg_k": 1.6692972641845216,
  "summary_fg_mad": 120.1553901716108,
  "summary_fg_mean": 752.1661987304688,
  "summary_fg_median": 750.7230834960938,
  "summary_fg_n": 65705.0,
  "summary_fg_p05": 568.9687255859375,
  "summary_fg_p95": 951.551330566406,
  "summary_fg_stdv": 124.30667114257812,
  "tsnr": 46.484408208634704
}