{
  "aor": 0.00031784511784511786,
  "aqi": 0.005932427946127946,
  "bids_meta": {
    "CogAtlasID": "https://www.cognitiveatlas.org/task/id/trm_4c8991fadfe01",
    "DeviceSerialNumber": "45031",
    "DwellTime": 5.4e-06,
    "EchoTime": 0.028,
    "EffectiveEchoSpacing": 0.000390001,
    "FlipAngle": 64,
    "InstitutionAddress": "Washington Rd, Princeton, NJ 08540, USA",
    "InstitutionName": "Princeton University",
    "InstitutionalDepartmentName": "Princeton Neuroscience Institute",
    "MagneticFieldStrength": 3,
    "Manufacturer": "Siemens",
    "ManufacturersModelName": "Skyra",
    "NumberOfVolumesDiscardedByScanner": 3,
    "ParallelReductionFactorInPlane": 2,
    "ParallelReductionType": "GRAPPA",
    "PartialFourier": 1,
    "PhaseEncodingDirection": "j-",
    "PixelBandwidth": 1445,
    "PulseSequenceDetails": "%SiemensSeq%_ep2d_bold",
    "PulseSequenceType": "Gradient Echo EPI",
    "ReceiveCoilActiveElements": "HE1-4",
    "ReceiveCoilName": "HeadNeck_20",
    "RepetitionTime": 1.5,
    "ScanOptions": "FS",
    "ScanningSequence": "EP",
    "SequenceName": "_epfid2d1_64",
    "SequenceVariant": "SK",
    "SliceTiming": [
      0,
      0.7775,
      0.055,
      0.8325,
      0.11,
      0.8875,
      0.165,
      0.9425,
      0.22,
      0.9975,
      0.2775,
      1.055,
      0.3325,
      1.11,
      0.3875,
      1.165,
      0.4425,
      1.22,
      0.5,
      1.2775,
      0.555,
      1.3325,
      0.61,
      1.3875,
      0.665,
      1.4425,
      0.72
    ],
    "SoftwareVersions": "syngo_MR_D11",
    "StationName": "AWP45031",
    "TaskDescription": "Passively listened to audio story 'milkyway'",
    "TaskName": "milkyway",
    "TotalReadoutTime": 0.0245701,
    "dataset": "ds002345",
    "modality": "bold",
    "subject_id": "104",
    "task_id": "milkyway"
  },
  "dummy_trs": 0,
  "dvars_nstd": 20.163611998513517,
  "dvars_std": 1.196985324628379,
  "dvars_vstd": 0.9885954566554065,
  "efc": 0.5582543544787214,
  "fber": 1963.3778076171875,
  "fd_mean": 0.06545703287556583,
  "fd_num": 0,
  "fd_perc": 0.0,
  "fwhm_avg": 1.794031027686566,
  "fwhm_x": 1.7459566666666666,
  "fwhm_y": 2.0057833333333335,
  "fwhm_z": 1.6303530830596984,
  "gcor": 0.0645244,
  "gsr_x": -0.003622496034950018,
  "gsr_y": 0.03855927288532257,
  "provenance": {
    "md5sum": "d74c7e267b01b32d8fd0ddfc631dc57c",
    "settings": {
      "fd_thres": 0.2,
      "testing": false
    },
    "software": "mriqc",
    "version": "22.0.0rc1",
    "webapi_port": null,
    "webapi_url": "https://mriqc.nimh.nih.gov/api/v1"
  },
  "size_t": 297,
  "size_x": 64,
  "size_y": 64,
  "size_z": 27,
  "snr": 7.8833160929560195,
  "spacing_tr": 1.5,
  "spacing_x": 3.0,
  "spacing_y": 3.0,
  "spacing_z": 3.9999985694885254,
  "summary_bg_k": 22.89204149342998,
  "summary_bg_mad": 11.161946953786002,
  "summary_bg_mean": 40.326412200927734,
  "summary_bg_median": 15.797979354858398,
  "summary_bg_n": 59770.0,
  "summary_bg_p05": 6.93265962600708,
  "summary_bg_p95": 163.05975875854455,
  "summary_bg_stdv": 71.39612579345703,
  "summary_fg_k": 2.6202061524180538,
  "summary_fg_mad": 81.20369080921347,
  "summary_fg_mean": 735.9996337890625,
  "summary_fg_median": 730.8585815429688,
  "summary_fg_n": 23335.0,
  "summary_fg_p05": 601.7986267089843,
  "summary_fg_p95": 889.9616088867188,
  "summary_fg_stdv": 92.70755004882812,
  "tsnr": 77.50817361054942
}