{
  "aor": 0.00030726315789473684,
  "aqi": 0.0066248735157894735,
  "bids_meta": {
    "CogAtlasID": "https://www.cognitiveatlas.org/task/id/trm_4c8991fadfe01",
    "DeviceSerialNumber": "45031",
    "DwellTime": 5.4e-06,
    "EchoTime": 0.028,
    "EffectiveEchoSpacing": 0.000390001,
    "FlipAngle": 64,
    "InstitutionAddress": "Washington Rd, Princeton, NJ 08540, USA",
    "InstitutionName": "Princeton University",
    "InstitutionalDepartmentName": "Princeton Neuroscience Institute",
    "MagneticFieldStrength": 3,
    "Manufacturer": "Siemens",
    "ManufacturersModelName": "Skyra",
    "NumberOfVolumesDiscardedByScanner": 3,
    "ParallelReductionFactorInPlane": 2,
    "ParallelReductionType": "GRAPPA",
    "PartialFourier": 1,
    "PhaseEncodingDirection": "j-",
    "PixelBandwidth": 1445,
    "PulseSequenceDetails": "%SiemensSeq%_ep2d_bold",
    "PulseSequenceType": "Gradient Echo EPI",
    "ReceiveCoilActiveElements": "HE1-4",
    "ReceiveCoilName": "HeadNeck_20",
    "RepetitionTime": 1.5,
    "ScanOptions": "FS",
    "ScanningSequence": "EP",
    "SequenceName": "_epfid2d1_64",
    "SequenceVariant": "SK",
    "SliceTiming": [
      0,
      0.7775,
      0.055,
      0.8325,
      0.11,
      0.8875,
      0.165,
      0.9425,
      0.22,
      0.9975,
      0.2775,
      1.055,
      0.3325,
      1.11,
      0.3875,
      1.165,
      0.4425,
      1.22,
      0.5,
      1.2775,
      0.555,
      1.3325,
      0.61,
      1.3875,
      0.665,
      1.4425,
      0.72
    ],
    "SoftwareVersions": "syngo_MR_D11",
    "StationName": "AWP45031",
    "TaskDescription": "Passively listened to audio story 'prettymouth'",
    "TaskName": "prettymouth",
    "TotalReadoutTime": 0.0245701,
    "dataset": "ds002345",
    "modality": "bold",
    "subject_id": "104",
    "task_id": "prettymouth"
  },
  "dummy_trs": 0,
  "dvars_nstd": 20.46631137829114,
  "dvars_std": 1.2064630622151904,
  "dvars_vstd": 0.9936958468987339,
  "efc": 0.5599637161707653,
  "fber": 1910.724853515625,
  "fd_mean": 0.0735865005061702,
  "fd_num": 1,
  "fd_perc": 0.21052631578947367,
  "fwhm_avg": 1.7805021385437614,
  "fwhm_x": 1.7283600000000001,
  "fwhm_y": 1.9849233333333334,
  "fwhm_z": 1.6282230822979504,
  "gcor": 0.0879614,
  "gsr_x": -0.004251865670084953,
  "gsr_y": 0.03899000585079193,
  "provenance": {
    "md5sum": "c88040cb3acbf09f67c03eeda7a143d3",
    "settings": {
      "fd_thres": 0.2,
      "testing": false
    },
    "software": "mriqc",
    "version": "22.0.0rc1",
    "webapi_port": null,
    "webapi_url": "https://mriqc.nimh.nih.gov/api/v1"
  },
  "size_t": 475,
  "size_x": 64,
  "size_y": 64,
  "size_z": 27,
  "snr": 7.941833653215254,
  "spacing_tr": 1.5,
  "spacing_x": 3.0,
  "spacing_y": 3.0,
  "spacing_z": 3.9999985694885254,
  "summary_bg_k": 22.704983749696325,
  "summary_bg_mad": 11.233443215173782,
  "summary_bg_mean": 41.35902404785156,
  "summary_bg_median": 16.052631378173828,
  "summary_bg_n": 59720.0,
  "summary_bg_p05": 7.039999485015869,
  "summary_bg_p95": 168.6306282043456,
  "summary_bg_stdv": 73.6425552368164,
  "summary_fg_k": 2.571305257119268,
  "summary_fg_mad": 80.60206233938104,
  "summary_fg_mean": 737.1704711914062,
  "summary_fg_median": 731.92626953125,
  "summary_fg_n": 23314.0,
  "summary_fg_p05": 604.8554229736328,
  "summary_fg_p95": 889.6662841796875,
  "summary_fg_stdv": 92.15888977050781,
  "tsnr": 73.52901417389512
}