{
  "aor": 0.0018279349593495935,
  "aqi": 0.02724255821138211,
  "bids_meta": {
    "CogAtlasID": "https://www.cognitiveatlas.org/task/id/trm_4c8991fadfe01",
    "DeviceSerialNumber": "45031",
    "DwellTime": 4.9e-06,
    "EchoTime": 0.028,
    "EffectiveEchoSpacing": 0.000355001,
    "FlipAngle": 64,
    "InstitutionAddress": "Washington Rd, Princeton, NJ 08540, USA",
    "InstitutionName": "Princeton University",
    "InstitutionalDepartmentName": "Princeton Neuroscience Institute",
    "MagneticFieldStrength": 3,
    "Manufacturer": "Siemens",
    "ManufacturersModelName": "Skyra",
    "NumberOfVolumesDiscardedByScanner": 3,
    "ParallelReductionFactorInPlane": 2,
    "ParallelReductionType": "GRAPPA",
    "PartialFourier": 1,
    "PhaseEncodingDirection": "j-",
    "PixelBandwidth": 1595,
    "PulseSequenceDetails": "%SiemensSeq%_ep2d_bold",
    "PulseSequenceType": "Gradient Echo EPI",
    "ReceiveCoilActiveElements": "HE1-4",
    "ReceiveCoilName": "HeadNeck_20",
    "RepetitionTime": 1.5,
    "ScanOptions": "FS",
    "ScanningSequence": "EP",
    "SequenceName": "_epfid2d1_64",
    "SequenceVariant": "SK",
    "SliceTiming": [
      0,
      0.7675,
      0.055,
      0.8225,
      0.1075,
      0.875,
      0.1625,
      0.93,
      0.2175,
      0.985,
      0.2725,
      1.04,
      0.3275,
      1.095,
      0.3825,
      1.15,
      0.4375,
      1.205,
      0.4925,
      1.26,
      0.5475,
      1.315,
      0.6025,
      1.37,
      0.6575,
      1.425,
      0.7125
    ],
    "SoftwareVersions": "syngo_MR_D13",
    "StationName": "AWP45031",
    "TaskDescription": "Passively listened to audio story 'merlin'",
    "TaskName": "merlin",
    "TotalReadoutTime": 0.022365,
    "dataset": "ds002345",
    "modality": "bold",
    "subject_id": "168",
    "task_id": "merlin"
  },
  "dummy_trs": 0,
  "dvars_nstd": 22.599837531547234,
  "dvars_std": 0.9783631159934851,
  "dvars_vstd": 0.9341369721009755,
  "efc": 0.5501361349121099,
  "fber": 2287.4775390625,
  "fd_mean": 0.27189101665274856,
  "fd_num": 190,
  "fd_perc": 30.89430894308943,
  "fwhm_avg": 1.7158330555555554,
  "fwhm_x": 1.7206433333333333,
  "fwhm_y": 1.9201333333333332,
  "fwhm_z": 1.5067225,
  "gcor": 0.0146674,
  "gsr_x": 0.003375900909304619,
  "gsr_y": 0.019555799663066864,
  "provenance": {
    "md5sum": "64951a9a04eb34935c9fda9a24408635",
    "settings": {
      "fd_thres": 0.2,
      "testing": false
    },
    "software": "mriqc",
    "version": "22.0.0rc1",
    "webapi_port": null,
    "webapi_url": "https://mriqc.nimh.nih.gov/api/v1"
  },
  "size_t": 615,
  "size_x": 64,
  "size_y": 64,
  "size_z": 27,
  "snr": 7.537117803577217,
  "spacing_tr": 1.5,
  "spacing_x": 3.0,
  "spacing_y": 3.0,
  "spacing_z": 4.0,
  "summary_bg_k": 25.557557398511513,
  "summary_bg_mad": 6.901935693223587,
  "summary_bg_mean": 27.456043243408203,
  "summary_bg_median": 12.879674911499023,
  "summary_bg_n": 59182.0,
  "summary_bg_p05": 7.008130073547363,
  "summary_bg_p95": 94.0825988769531,
  "summary_bg_stdv": 43.74942398071289,
  "summary_fg_k": 3.0607508385260216,
  "summary_fg_mad": 79.45305466912501,
  "summary_fg_mean": 636.3447265625,
  "summary_fg_median": 631.1317138671875,
  "summary_fg_n": 23767.0,
  "summary_fg_p05": 522.2176940917968,
  "summary_fg_p95": 768.0454895019532,
  "summary_fg_stdv": 83.7347183227539,
  "tsnr": 40.090644179144874
}