{
  "aor": 0.003526633333333333,
  "aqi": 0.0128926328,
  "bids_meta": {
    "CogAtlasID": "https://www.cognitiveatlas.org/task/id/trm_4c8991fadfe01",
    "DeviceSerialNumber": "45031",
    "DwellTime": 5.4e-06,
    "EchoTime": 0.028,
    "EffectiveEchoSpacing": 0.000390001,
    "FlipAngle": 64,
    "InstitutionAddress": "Washington Rd, Princeton, NJ 08540, USA",
    "InstitutionName": "Princeton University",
    "InstitutionalDepartmentName": "Princeton Neuroscience Institute",
    "MagneticFieldStrength": 3,
    "Manufacturer": "Siemens",
    "ManufacturersModelName": "Skyra",
    "NumberOfVolumesDiscardedByScanner": 3,
    "ParallelReductionFactorInPlane": 2,
    "ParallelReductionType": "GRAPPA",
    "PartialFourier": 1,
    "PhaseEncodingDirection": "j-",
    "PixelBandwidth": 1445,
    "PulseSequenceDetails": "%SiemensSeq%_ep2d_bold",
    "PulseSequenceType": "Gradient Echo EPI",
    "ReceiveCoilActiveElements": "HE1-4",
    "ReceiveCoilName": "HeadNeck_20",
    "RepetitionTime": 1.5,
    "ScanOptions": "FS",
    "ScanningSequence": "EP",
    "SequenceName": "_epfid2d1_64",
    "SequenceVariant": "SK",
    "SliceTiming": [
      0,
      0.7775,
      0.055,
      0.8325,
      0.11,
      0.89,
      0.1675,
      0.945,
      0.2225,
      1,
      0.2775,
      1.055,
      0.3325,
      1.11,
      0.39,
      1.1675,
      0.445,
      1.2225,
      0.5,
      1.2775,
      0.555,
      1.3325,
      0.61,
      1.3875,
      0.6675,
      1.445,
      0.7225
    ],
    "SoftwareVersions": "syngo_MR_D11",
    "StationName": "AWP45031",
    "TaskDescription": "Passively listened to audio story 'pieman'",
    "TaskName": "pieman",
    "TotalReadoutTime": 0.0245701,
    "dataset": "ds002345",
    "modality": "bold",
    "run_id": 2,
    "subject_id": "013",
    "task_id": "pieman"
  },
  "dummy_trs": 0,
  "dvars_nstd": 24.537097337692316,
  "dvars_std": 1.273978067959866,
  "dvars_vstd": 1.020912251404682,
  "efc": 0.6082402725725526,
  "fber": 1768.999267578125,
  "fd_mean": 0.2024611572160886,
  "fd_num": 126,
  "fd_perc": 42.0,
  "fwhm_avg": 1.7626291983828464,
  "fwhm_x": 1.7041933333333334,
  "fwhm_y": 1.9873666666666667,
  "fwhm_z": 1.5963275951485392,
  "gcor": 0.112049,
  "gsr_x": -0.016460439190268517,
  "gsr_y": 0.06173500046133995,
  "provenance": {
    "md5sum": "4973e1012142e69384f666b6c5e28340",
    "settings": {
      "fd_thres": 0.2,
      "testing": false
    },
    "software": "mriqc",
    "version": "21.0.0rc2",
    "webapi_port": null,
    "webapi_url": "https://mriqc.nimh.nih.gov/api/v1"
  },
  "size_t": 300,
  "size_x": 64,
  "size_y": 64,
  "size_z": 27,
  "snr": 7.02608162484568,
  "spacing_tr": 1.5,
  "spacing_x": 3.0,
  "spacing_y": 3.0,
  "spacing_z": 3.999999761581421,
  "summary_bg_k": 26.017791849875792,
  "summary_bg_mad": 10.229956156040448,
  "summary_bg_mean": 39.99893569946289,
  "summary_bg_median": 14.570000648498535,
  "summary_bg_n": 53013.0,
  "summary_bg_p05": 6.296666622161865,
  "summary_bg_p95": 162.1819976806639,
  "summary_bg_stdv": 69.81217193603516,
  "summary_fg_k": 2.155881217490177,
  "summary_fg_mad": 85.14094804353834,
  "summary_fg_mean": 645.5087890625,
  "summary_fg_median": 636.9200439453125,
  "summary_fg_n": 29127.0,
  "summary_fg_p05": 520.4893432617188,
  "summary_fg_p95": 799.5790344238279,
  "summary_fg_stdv": 90.64926147460938,
  "tsnr": 58.73487021285109
}