{
  "aor": 0.0007976923076923077,
  "aqi": 0.007409866856187291,
  "bids_meta": {
    "CogAtlasID": "https://www.cognitiveatlas.org/task/id/trm_4c8991fadfe01",
    "DeviceSerialNumber": "45031",
    "DwellTime": 5.4e-06,
    "EchoTime": 0.028,
    "EffectiveEchoSpacing": 0.000390001,
    "FlipAngle": 64,
    "InstitutionAddress": "Washington Rd, Princeton, NJ 08540, USA",
    "InstitutionName": "Princeton University",
    "InstitutionalDepartmentName": "Princeton Neuroscience Institute",
    "MagneticFieldStrength": 3,
    "Manufacturer": "Siemens",
    "ManufacturersModelName": "Skyra",
    "NumberOfVolumesDiscardedByScanner": 3,
    "ParallelReductionFactorInPlane": 2,
    "ParallelReductionType": "GRAPPA",
    "PartialFourier": 1,
    "PhaseEncodingDirection": "j-",
    "PixelBandwidth": 1445,
    "PulseSequenceDetails": "%SiemensSeq%_ep2d_bold",
    "PulseSequenceType": "Gradient Echo EPI",
    "ReceiveCoilActiveElements": "HE1-4",
    "ReceiveCoilName": "HeadNeck_20",
    "RepetitionTime": 1.5,
    "ScanOptions": "FS",
    "ScanningSequence": "EP",
    "SequenceName": "_epfid2d1_64",
    "SequenceVariant": "SK",
    "SliceTiming": [
      0,
      0.7775,
      0.055,
      0.8325,
      0.11,
      0.89,
      0.1675,
      0.945,
      0.2225,
      1,
      0.2775,
      1.055,
      0.3325,
      1.11,
      0.39,
      1.1675,
      0.445,
      1.2225,
      0.5,
      1.2775,
      0.555,
      1.3325,
      0.61,
      1.3875,
      0.6675,
      1.445,
      0.7225
    ],
    "SoftwareVersions": "syngo_MR_D11",
    "StationName": "AWP45031",
    "TaskDescription": "Passively listened to audio story 'pieman'",
    "TaskName": "pieman",
    "TotalReadoutTime": 0.0245701,
    "dataset": "ds002345",
    "modality": "bold",
    "run_id": 1,
    "subject_id": "013",
    "task_id": "pieman"
  },
  "dummy_trs": 1,
  "dvars_nstd": 22.497474363221468,
  "dvars_std": 1.2757283348993287,
  "dvars_vstd": 1.0004972719798655,
  "efc": 0.6073170364676637,
  "fber": 1761.6260986328125,
  "fd_mean": 0.09197087220892551,
  "fd_num": 2,
  "fd_perc": 0.6688963210702341,
  "fwhm_avg": 1.7472730873894544,
  "fwhm_x": 1.6864,
  "fwhm_y": 1.9531666666666665,
  "fwhm_z": 1.6022525955016969,
  "gcor": 0.0469879,
  "gsr_x": -0.015436206012964249,
  "gsr_y": 0.05834589898586273,
  "provenance": {
    "md5sum": "e7c9a2d4108d7fcb54c5c3324cca65e5",
    "settings": {
      "fd_thres": 0.2,
      "testing": false
    },
    "software": "mriqc",
    "version": "21.0.0rc2",
    "webapi_port": null,
    "webapi_url": "https://mriqc.nimh.nih.gov/api/v1"
  },
  "size_t": 299,
  "size_x": 64,
  "size_y": 64,
  "size_z": 27,
  "snr": 6.979297034017878,
  "spacing_tr": 1.5,
  "spacing_x": 3.0,
  "spacing_y": 3.0,
  "spacing_z": 3.999999761581421,
  "summary_bg_k": 21.15314409136366,
  "summary_bg_mad": 9.312130005421082,
  "summary_bg_mean": 39.127315521240234,
  "summary_bg_median": 14.267558097839355,
  "summary_bg_n": 53058.0,
  "summary_bg_p05": 6.591973304748535,
  "summary_bg_p95": 162.35117263793907,
  "summary_bg_stdv": 67.6513671875,
  "summary_fg_k": 2.603106429840989,
  "summary_fg_mad": 83.6653136211036,
  "summary_fg_mean": 641.9444580078125,
  "summary_fg_median": 633.545166015625,
  "summary_fg_n": 29021.0,
  "summary_fg_p05": 519.2608642578125,
  "summary_fg_p95": 794.8929443359375,
  "summary_fg_stdv": 90.77336120605469,
  "tsnr": 73.98453017696738
}