{
  "aor": 0.0003497636363636364,
  "aqi": 0.013231277272727274,
  "bids_meta": {
    "AcquisitionMatrixPE": 96,
    "BandwidthPerPixelPhaseEncode": 20.425,
    "BaseResolution": 96,
    "BodyPartExamined": "BRAIN",
    "ConsistencyInfo": "N4_VE11C_LATEST_20160120",
    "ConversionSoftware": "dcm2niix",
    "ConversionSoftwareVersion": "v1.0.20180328 GCC6.3.0",
    "DerivedVendorReportedEchoSpacing": 0.000509996,
    "DeviceSerialNumber": "66018",
    "DwellTime": 2.1e-06,
    "EchoTime": 0.031,
    "EchoTrainLength": 96,
    "EffectiveEchoSpacing": 0.000509996,
    "FlipAngle": 67,
    "ImageOrientationPatientDICOM": [
      1,
      0,
      0,
      0,
      1,
      0
    ],
    "ImageType": [
      "ORIGINAL",
      "PRIMARY",
      "M",
      "ND",
      "NORM",
      "MOSAIC"
    ],
    "InPlanePhaseEncodingDirectionDICOM": "COL",
    "InstitutionAddress": "Washington Rd, Princeton, NJ 08540, USA",
    "InstitutionName": "Princeton University",
    "InstitutionalDepartmentName": "Princeton Neuroscience Institute",
    "MRAcquisitionType": "2D",
    "MagneticFieldStrength": 3,
    "Manufacturer": "Siemens",
    "ManufacturersModelName": "Prisma",
    "Modality": "MR",
    "MultibandAccelerationFactor": 3,
    "NumberOfVolumesDiscardedByScanner": 3,
    "PartialFourier": 1,
    "PatientPosition": "HFS",
    "PercentPhaseFOV": 100,
    "PhaseEncodingDirection": "j-",
    "PhaseEncodingSteps": 96,
    "PhaseResolution": 1,
    "PixelBandwidth": 2480,
    "ProcedureStepDescription": "Hasson_Nastase_042518_Storyteller",
    "ProtocolName": "func_task-black",
    "PulseSequenceDetails": "%SiemensSeq%_ep2d_bold",
    "ReceiveCoilActiveElements": "HC1-7;NC1",
    "ReceiveCoilName": "HeadNeck_64",
    "ReconMatrixPE": 96,
    "RepetitionTime": 1.5,
    "SAR": 0.0441791,
    "ScanOptions": "FS",
    "ScanningSequence": "EP",
    "SequenceName": "_epfid2d1_96",
    "SequenceVariant": "SK",
    "SeriesDescription": "func_task-black",
    "SeriesNumber": 12,
    "ShimSetting": [
      749,
      498,
      2068,
      499,
      -69,
      -18,
      301,
      -2
    ],
    "SliceThickness": 2.5,
    "SliceTiming": [
      1.11,
      0,
      0.74,
      0.0925,
      0.8325,
      0.185,
      0.925,
      0.2775,
      1.0175,
      0.4625,
      1.2025,
      0.555,
      1.295,
      0.6475,
      1.3875,
      0.37,
      1.11,
      0,
      0.74,
      0.0925,
      0.8325,
      0.185,
      0.925,
      0.2775,
      1.0175,
      0.4625,
      1.2025,
      0.555,
      1.295,
      0.6475,
      1.3875,
      0.37,
      1.11,
      0,
      0.74,
      0.0925,
      0.8325,
      0.185,
      0.925,
      0.2775,
      1.0175,
      0.4625,
      1.2025,
      0.555,
      1.295,
      0.6475,
      1.3875,
      0.37
    ],
    "SoftwareVersions": "syngo_MR_E11",
    "SpacingBetweenSlices": 2.5,
    "StationName": "AWP66018",
    "TaskDescription": "Passively listened to audio story 'black'",
    "TaskName": "black",
    "TotalReadoutTime": 0.0484496,
    "TxRefAmp": 245.1,
    "dataset": "ds002345",
    "modality": "bold",
    "subject_id": "296",
    "task_id": "black"
  },
  "dummy_trs": 0,
  "dvars_nstd": 34.91809183816027,
  "dvars_std": 1.2579788002732257,
  "dvars_vstd": 0.9933950743533694,
  "efc": 0.4534913284900685,
  "fber": 4038.47802734375,
  "fd_mean": 0.2031514593258595,
  "fd_num": 261,
  "fd_perc": 47.45454545454545,
  "fwhm_avg": 1.9326253333333334,
  "fwhm_x": 1.84254,
  "fwhm_y": 2.042036,
  "fwhm_z": 1.9133,
  "gcor": 0.0433895,
  "gsr_x": -0.019231878221035004,
  "gsr_y": 0.025957709178328514,
  "provenance": {
    "md5sum": "6bfa0a19dea7d793f832fdfafbfa096f",
    "settings": {
      "fd_thres": 0.2,
      "testing": false
    },
    "software": "mriqc",
    "version": "22.0.0rc1",
    "webapi_port": null,
    "webapi_url": "https://mriqc.nimh.nih.gov/api/v1"
  },
  "size_t": 550,
  "size_x": 96,
  "size_y": 96,
  "size_z": 48,
  "snr": 6.645996286735274,
  "spacing_tr": 1.5,
  "spacing_x": 2.5,
  "spacing_y": 2.5,
  "spacing_z": 2.5,
  "summary_bg_k": 44.94431093785736,
  "summary_bg_mad": 6.6555361563160895,
  "summary_bg_mean": 28.359506607055664,
  "summary_bg_median": 11.347272872924805,
  "summary_bg_n": 316842.0,
  "summary_bg_p05": 5.519999980926514,
  "summary_bg_p95": 108.5814540863038,
  "summary_bg_stdv": 50.9631462097168,
  "summary_fg_k": 3.347425001323101,
  "summary_fg_mad": 93.40529712872387,
  "summary_fg_mean": 725.8985595703125,
  "summary_fg_median": 726.2063598632812,
  "summary_fg_n": 64624.0,
  "summary_fg_p05": 565.8917205810548,
  "summary_fg_p95": 893.9890014648437,
  "summary_fg_stdv": 109.26890563964844,
  "tsnr": 56.026293362258
}