{
  "aor": 0.004016589743589744,
  "aqi": 0.017204118794871794,
  "bids_meta": {
    "AcquisitionMatrixPE": 96,
    "BandwidthPerPixelPhaseEncode": 20.425,
    "BaseResolution": 96,
    "BodyPartExamined": "BRAIN",
    "ConsistencyInfo": "N4_VE11C_LATEST_20160120",
    "ConversionSoftware": "dcm2niix",
    "ConversionSoftwareVersion": "v1.0.20180328 GCC6.3.0",
    "DerivedVendorReportedEchoSpacing": 0.000509996,
    "DeviceSerialNumber": "66018",
    "DwellTime": 2.1e-06,
    "EchoTime": 0.031,
    "EchoTrainLength": 96,
    "EffectiveEchoSpacing": 0.000509996,
    "FlipAngle": 67,
    "ImageOrientationPatientDICOM": [
      1,
      0,
      0,
      0,
      1,
      0
    ],
    "ImageType": [
      "ORIGINAL",
      "PRIMARY",
      "M",
      "ND",
      "NORM",
      "MOSAIC"
    ],
    "InPlanePhaseEncodingDirectionDICOM": "COL",
    "InstitutionAddress": "Washington Rd, Princeton, NJ 08540, USA",
    "InstitutionName": "Princeton University",
    "InstitutionalDepartmentName": "Princeton Neuroscience Institute",
    "MRAcquisitionType": "2D",
    "MagneticFieldStrength": 3,
    "Manufacturer": "Siemens",
    "ManufacturersModelName": "Prisma",
    "Modality": "MR",
    "MultibandAccelerationFactor": 3,
    "NumberOfVolumesDiscardedByScanner": 3,
    "PartialFourier": 1,
    "PatientPosition": "HFS",
    "PercentPhaseFOV": 100,
    "PhaseEncodingDirection": "j-",
    "PhaseEncodingSteps": 96,
    "PhaseResolution": 1,
    "PixelBandwidth": 2480,
    "ProcedureStepDescription": "Hasson_Nastase_042518_Storyteller",
    "ProtocolName": "func_task-bronx",
    "PulseSequenceDetails": "%SiemensSeq%_ep2d_bold",
    "ReceiveCoilActiveElements": "HC1-7;NC1",
    "ReceiveCoilName": "HeadNeck_64",
    "ReconMatrixPE": 96,
    "RepetitionTime": 1.5,
    "SAR": 0.0441554,
    "ScanOptions": "FS",
    "ScanningSequence": "EP",
    "SequenceName": "_epfid2d1_96",
    "SequenceVariant": "SK",
    "SeriesDescription": "func_task-bronx",
    "SeriesNumber": 9,
    "ShimSetting": [
      749,
      498,
      2068,
      499,
      -69,
      -18,
      301,
      -2
    ],
    "SliceThickness": 2.5,
    "SliceTiming": [
      1.11,
      0,
      0.74,
      0.0925,
      0.8325,
      0.185,
      0.925,
      0.2775,
      1.0175,
      0.4625,
      1.2025,
      0.555,
      1.295,
      0.6475,
      1.3875,
      0.37,
      1.11,
      0,
      0.74,
      0.0925,
      0.8325,
      0.185,
      0.925,
      0.2775,
      1.0175,
      0.4625,
      1.2025,
      0.555,
      1.295,
      0.6475,
      1.3875,
      0.37,
      1.11,
      0,
      0.74,
      0.0925,
      0.8325,
      0.185,
      0.925,
      0.2775,
      1.0175,
      0.4625,
      1.2025,
      0.555,
      1.295,
      0.6475,
      1.3875,
      0.37
    ],
    "SoftwareVersions": "syngo_MR_E11",
    "SpacingBetweenSlices": 2.5,
    "StationName": "AWP66018",
    "TaskDescription": "Passively listened to audio story 'bronx'",
    "TaskName": "bronx",
    "TotalReadoutTime": 0.0484496,
    "TxRefAmp": 245.1,
    "dataset": "ds002345",
    "modality": "bold",
    "subject_id": "296",
    "task_id": "bronx"
  },
  "dummy_trs": 0,
  "dvars_nstd": 33.62435964082262,
  "dvars_std": 1.295322212956299,
  "dvars_vstd": 1.04763313437018,
  "efc": 0.451644615920943,
  "fber": 4151.00537109375,
  "fd_mean": 0.20696530297456187,
  "fd_num": 132,
  "fd_perc": 33.84615384615385,
  "fwhm_avg": 1.9355973333333332,
  "fwhm_x": 1.850876,
  "fwhm_y": 2.0434159999999997,
  "fwhm_z": 1.9125,
  "gcor": 0.0310753,
  "gsr_x": -0.018315227702260017,
  "gsr_y": 0.026141908019781113,
  "provenance": {
    "md5sum": "f86279c6080d68d7792e0cfb8ccc20cf",
    "settings": {
      "fd_thres": 0.2,
      "testing": false
    },
    "software": "mriqc",
    "version": "22.0.0rc1",
    "webapi_port": null,
    "webapi_url": "https://mriqc.nimh.nih.gov/api/v1"
  },
  "size_t": 390,
  "size_x": 96,
  "size_y": 96,
  "size_z": 48,
  "snr": 6.636990166848234,
  "spacing_tr": 1.5,
  "spacing_x": 2.5,
  "spacing_y": 2.5,
  "spacing_z": 2.5,
  "summary_bg_k": 42.9024674041931,
  "summary_bg_mad": 6.6032819275436285,
  "summary_bg_mean": 28.056623458862305,
  "summary_bg_median": 11.276923179626465,
  "summary_bg_n": 317222.0,
  "summary_bg_p05": 5.497436046600342,
  "summary_bg_p95": 107.16859397888199,
  "summary_bg_stdv": 50.23004150390625,
  "summary_fg_k": 3.3598072845018327,
  "summary_fg_mad": 93.25186987887791,
  "summary_fg_mean": 729.3292846679688,
  "summary_fg_median": 730.0526123046875,
  "summary_fg_n": 64378.0,
  "summary_fg_p05": 566.5714447021485,
  "summary_fg_p95": 898.4902587890624,
  "summary_fg_stdv": 109.99668884277344,
  "tsnr": 49.4443319090642
}