{
  "aor": 0.0008459044368600682,
  "aqi": 0.010666174470989762,
  "bids_meta": {
    "AcquisitionMatrixPE": 96,
    "BandwidthPerPixelPhaseEncode": 20.425,
    "BaseResolution": 96,
    "BodyPartExamined": "BRAIN",
    "ConsistencyInfo": "N4_VE11C_LATEST_20160120",
    "ConversionSoftware": "dcm2niix",
    "ConversionSoftwareVersion": "v1.0.20180328 GCC6.3.0",
    "DerivedVendorReportedEchoSpacing": 0.000509996,
    "DeviceSerialNumber": "66018",
    "DwellTime": 2.1e-06,
    "EchoTime": 0.031,
    "EchoTrainLength": 96,
    "EffectiveEchoSpacing": 0.000509996,
    "FlipAngle": 67,
    "ImageOrientationPatientDICOM": [
      1,
      0,
      0,
      0,
      1,
      0
    ],
    "ImageType": [
      "ORIGINAL",
      "PRIMARY",
      "M",
      "ND",
      "NORM",
      "MOSAIC"
    ],
    "InPlanePhaseEncodingDirectionDICOM": "COL",
    "InstitutionAddress": "Washington Rd, Princeton, NJ 08540, USA",
    "InstitutionName": "Princeton University",
    "InstitutionalDepartmentName": "Princeton Neuroscience Institute",
    "MRAcquisitionType": "2D",
    "MagneticFieldStrength": 3,
    "Manufacturer": "Siemens",
    "ManufacturersModelName": "Prisma",
    "Modality": "MR",
    "MultibandAccelerationFactor": 3,
    "NumberOfVolumesDiscardedByScanner": 3,
    "PartialFourier": 1,
    "PatientPosition": "HFS",
    "PercentPhaseFOV": 100,
    "PhaseEncodingDirection": "j-",
    "PhaseEncodingSteps": 96,
    "PhaseResolution": 1,
    "PixelBandwidth": 2480,
    "ProcedureStepDescription": "Hasson_Nastase_042518_Storyteller",
    "ProtocolName": "func_task-pieman",
    "PulseSequenceDetails": "%SiemensSeq%_ep2d_bold",
    "ReceiveCoilActiveElements": "HC1-7;NC1",
    "ReceiveCoilName": "HeadNeck_64",
    "ReconMatrixPE": 96,
    "RepetitionTime": 1.5,
    "SAR": 0.044129,
    "ScanOptions": "FS",
    "ScanningSequence": "EP",
    "SequenceName": "_epfid2d1_96",
    "SequenceVariant": "SK",
    "SeriesDescription": "func_task-pieman",
    "SeriesNumber": 7,
    "ShimSetting": [
      749,
      498,
      2068,
      499,
      -69,
      -18,
      301,
      -2
    ],
    "SliceThickness": 2.5,
    "SliceTiming": [
      1.11,
      0,
      0.74,
      0.0925,
      0.8325,
      0.185,
      0.925,
      0.2775,
      1.0175,
      0.4625,
      1.2025,
      0.555,
      1.295,
      0.6475,
      1.3875,
      0.37,
      1.11,
      0,
      0.74,
      0.0925,
      0.8325,
      0.185,
      0.925,
      0.2775,
      1.0175,
      0.4625,
      1.2025,
      0.555,
      1.295,
      0.6475,
      1.3875,
      0.37,
      1.11,
      0,
      0.74,
      0.0925,
      0.8325,
      0.185,
      0.925,
      0.2775,
      1.0175,
      0.4625,
      1.2025,
      0.555,
      1.295,
      0.6475,
      1.3875,
      0.37
    ],
    "SoftwareVersions": "syngo_MR_E11",
    "SpacingBetweenSlices": 2.5,
    "StationName": "AWP66018",
    "TaskDescription": "Passively listened to audio story 'piemanpni'",
    "TaskName": "piemanpni",
    "TotalReadoutTime": 0.0484496,
    "TxRefAmp": 245.1,
    "dataset": "ds002345",
    "modality": "bold",
    "subject_id": "296",
    "task_id": "piemanpni"
  },
  "dummy_trs": 1,
  "dvars_nstd": 30.491006557294515,
  "dvars_std": 1.2910141237671233,
  "dvars_vstd": 0.9987451451369858,
  "efc": 0.4508865551224458,
  "fber": 4149.3408203125,
  "fd_mean": 0.13271735743084348,
  "fd_num": 42,
  "fd_perc": 14.334470989761092,
  "fwhm_avg": 1.9263306666666666,
  "fwhm_x": 1.8415679999999999,
  "fwhm_y": 2.037388,
  "fwhm_z": 1.900036,
  "gcor": 0.0215117,
  "gsr_x": -0.01831257902085781,
  "gsr_y": 0.025696931406855583,
  "provenance": {
    "md5sum": "5a67b0ab3acda94f61cf9c9b28ff3a01",
    "settings": {
      "fd_thres": 0.2,
      "testing": false
    },
    "software": "mriqc",
    "version": "22.0.0rc1",
    "webapi_port": null,
    "webapi_url": "https://mriqc.nimh.nih.gov/api/v1"
  },
  "size_t": 293,
  "size_x": 96,
  "size_y": 96,
  "size_z": 48,
  "snr": 6.59359030375539,
  "spacing_tr": 1.5,
  "spacing_x": 2.5,
  "spacing_y": 2.5,
  "spacing_z": 2.5,
  "summary_bg_k": 42.933593991361896,
  "summary_bg_mad": 6.613518705862015,
  "summary_bg_mean": 27.751419067382812,
  "summary_bg_median": 11.27303695678711,
  "summary_bg_n": 317217.0,
  "summary_bg_p05": 5.501706123352051,
  "summary_bg_p95": 105.53924560546875,
  "summary_bg_stdv": 49.518131256103516,
  "summary_fg_k": 3.3485237641658214,
  "summary_fg_mad": 94.3906520821728,
  "summary_fg_mean": 730.09326171875,
  "summary_fg_median": 730.8771362304688,
  "summary_fg_n": 64326.0,
  "summary_fg_p05": 566.6407470703125,
  "summary_fg_p95": 901.2243804931641,
  "summary_fg_stdv": 110.84574890136719,
  "tsnr": 61.95128159481101
}