{
  "aor": 0.0013923684210526315,
  "aqi": 0.014954267192982457,
  "bids_meta": {
    "AcquisitionMatrixPE": 96,
    "BandwidthPerPixelPhaseEncode": 20.425,
    "BaseResolution": 96,
    "BodyPartExamined": "BRAIN",
    "ConsistencyInfo": "N4_VE11C_LATEST_20160120",
    "ConversionSoftware": "dcm2niix",
    "ConversionSoftwareVersion": "v1.0.20180328 GCC6.3.0",
    "DerivedVendorReportedEchoSpacing": 0.000509996,
    "DeviceSerialNumber": "66018",
    "DwellTime": 2.1e-06,
    "EchoTime": 0.031,
    "EchoTrainLength": 96,
    "EffectiveEchoSpacing": 0.000509996,
    "FlipAngle": 67,
    "ImageOrientationPatientDICOM": [
      1,
      0,
      0,
      0,
      1,
      0
    ],
    "ImageType": [
      "ORIGINAL",
      "PRIMARY",
      "M",
      "ND",
      "NORM",
      "MOSAIC"
    ],
    "InPlanePhaseEncodingDirectionDICOM": "COL",
    "InstitutionAddress": "Washington Rd, Princeton, NJ 08540, USA",
    "InstitutionName": "Princeton University",
    "InstitutionalDepartmentName": "Princeton Neuroscience Institute",
    "MRAcquisitionType": "2D",
    "MagneticFieldStrength": 3,
    "Manufacturer": "Siemens",
    "ManufacturersModelName": "Prisma",
    "Modality": "MR",
    "MultibandAccelerationFactor": 3,
    "NumberOfVolumesDiscardedByScanner": 3,
    "PartialFourier": 1,
    "PatientPosition": "HFS",
    "PercentPhaseFOV": 100,
    "PhaseEncodingDirection": "j-",
    "PhaseEncodingSteps": 96,
    "PhaseResolution": 1,
    "PixelBandwidth": 2480,
    "ProcedureStepDescription": "Hasson_Nastase_042518_Storyteller",
    "ProtocolName": "func_task-forgot",
    "PulseSequenceDetails": "%SiemensSeq%_ep2d_bold",
    "ReceiveCoilActiveElements": "HC1-7;NC1",
    "ReceiveCoilName": "HeadNeck_64",
    "ReconMatrixPE": 96,
    "RepetitionTime": 1.5,
    "SAR": 0.0441816,
    "ScanOptions": "FS",
    "ScanningSequence": "EP",
    "SequenceName": "_epfid2d1_96",
    "SequenceVariant": "SK",
    "SeriesDescription": "func_task-forgot",
    "SeriesNumber": 10,
    "ShimSetting": [
      749,
      498,
      2068,
      499,
      -69,
      -18,
      301,
      -2
    ],
    "SliceThickness": 2.5,
    "SliceTiming": [
      1.11,
      0,
      0.74,
      0.0925,
      0.8325,
      0.185,
      0.925,
      0.2775,
      1.0175,
      0.4625,
      1.2,
      0.555,
      1.2925,
      0.6475,
      1.385,
      0.37,
      1.11,
      0,
      0.74,
      0.0925,
      0.8325,
      0.185,
      0.925,
      0.2775,
      1.0175,
      0.4625,
      1.2,
      0.555,
      1.2925,
      0.6475,
      1.385,
      0.37,
      1.11,
      0,
      0.74,
      0.0925,
      0.8325,
      0.185,
      0.925,
      0.2775,
      1.0175,
      0.4625,
      1.2,
      0.555,
      1.2925,
      0.6475,
      1.385,
      0.37
    ],
    "SoftwareVersions": "syngo_MR_E11",
    "SpacingBetweenSlices": 2.5,
    "StationName": "AWP66018",
    "TaskDescription": "Passively listened to audio story 'forgot'",
    "TaskName": "forgot",
    "TotalReadoutTime": 0.0484496,
    "TxRefAmp": 245.1,
    "dataset": "ds002345",
    "modality": "bold",
    "subject_id": "296",
    "task_id": "forgot"
  },
  "dummy_trs": 4,
  "dvars_nstd": 32.00619140444636,
  "dvars_std": 1.277578203813709,
  "dvars_vstd": 1.0041721285413017,
  "efc": 0.4522735802106783,
  "fber": 4090.703125,
  "fd_mean": 0.18423514388707768,
  "fd_num": 174,
  "fd_perc": 30.526315789473685,
  "fwhm_avg": 1.9176986666666667,
  "fwhm_x": 1.836656,
  "fwhm_y": 2.030792,
  "fwhm_z": 1.8856480000000002,
  "gcor": 0.0260496,
  "gsr_x": -0.018692800775170326,
  "gsr_y": 0.025406623259186745,
  "provenance": {
    "md5sum": "83a171923c4fb003809bef48c94a682d",
    "settings": {
      "fd_thres": 0.2,
      "testing": false
    },
    "software": "mriqc",
    "version": "22.0.0rc1",
    "webapi_port": null,
    "webapi_url": "https://mriqc.nimh.nih.gov/api/v1"
  },
  "size_t": 570,
  "size_x": 96,
  "size_y": 96,
  "size_z": 48,
  "snr": 6.717094026741911,
  "spacing_tr": 1.5,
  "spacing_x": 2.5,
  "spacing_y": 2.5,
  "spacing_z": 2.5,
  "summary_bg_k": 40.010924948773834,
  "summary_bg_mad": 6.593678585231684,
  "summary_bg_mean": 28.07695960998535,
  "summary_bg_median": 11.317543983459473,
  "summary_bg_n": 317165.0,
  "summary_bg_p05": 5.529824733734131,
  "summary_bg_p95": 108.14070281982414,
  "summary_bg_stdv": 49.8223991394043,
  "summary_fg_k": 3.4730530228786662,
  "summary_fg_mad": 91.79125693888165,
  "summary_fg_mean": 728.2342529296875,
  "summary_fg_median": 728.178955078125,
  "summary_fg_n": 64192.0,
  "summary_fg_p05": 570.4383270263672,
  "summary_fg_p95": 897.0663299560547,
  "summary_fg_stdv": 108.40599822998047,
  "tsnr": 53.14326365059242
}