{
  "bids_meta": {
    "DeviceSerialNumber": "45031",
    "DwellTime": 8.2e-06,
    "EchoTime": 0.00308,
    "FlipAngle": 9,
    "InstitutionAddress": "Washington Rd, Princeton, NJ 08540, USA",
    "InstitutionName": "Princeton University",
    "InstitutionalDepartmentName": "Princeton Neuroscience Institute",
    "InversionTime": 0.9,
    "MagneticFieldStrength": 3,
    "Manufacturer": "Siemens",
    "ManufacturersModelName": "Skyra",
    "ParallelReductionFactorInPlane": 2,
    "ParallelReductionType": "GRAPPA",
    "PartialFourier": 1,
    "PixelBandwidth": 240,
    "PulseSequenceDetails": "%SiemensSeq%_tfl",
    "PulseSequenceType": "MPRAGE",
    "ReceiveCoilActiveElements": "HE1-4",
    "ReceiveCoilName": "HeadNeck_20",
    "RepetitionTime": 2.3,
    "ScanOptions": "IR",
    "ScanningSequence": "GR_IR",
    "SequenceName": "_tfl3d1_16ns",
    "SequenceVariant": "SK_SP_MP",
    "SoftwareVersions": "syngo_MR_E11",
    "StationName": "AWP45031",
    "dataset": "ds002345",
    "modality": "T1w",
    "subject_id": "116"
  },
  "cjv": 0.41747122037768636,
  "cnr": 3.1880830849260455,
  "efc": 0.6511887761298158,
  "fber": 722.7665955154935,
  "fwhm_avg": 3.3362979356724423,
  "fwhm_x": 3.331366534290054,
  "fwhm_y": 3.5384087272727274,
  "fwhm_z": 3.1391185454545454,
  "icvs_csf": 0.18369743846447179,
  "icvs_gm": 0.44378065855913185,
  "icvs_wm": 0.37252190297639637,
  "inu_med": 1.2747764587402344,
  "inu_range": 0.4444615125656126,
  "provenance": {
    "md5sum": "a424df5e87a646858f359abf5638bdf3",
    "settings": {
      "testing": false
    },
    "software": "mriqc",
    "version": "22.0.0rc1",
    "warnings": {
      "large_rot_frame": true,
      "small_air_mask": false
    },
    "webapi_port": null,
    "webapi_url": "https://mriqc.nimh.nih.gov/api/v1"
  },
  "qi_1": 0.0,
  "qi_2": 0.0033609548410957995,
  "rpve_csf": 19.90511987516867,
  "rpve_gm": 9.311393075676117,
  "rpve_wm": 13.043236492126553,
  "size_x": 192,
  "size_y": 256,
  "size_z": 256,
  "snr_csf": 1.858599873822329,
  "snr_gm": 9.439543380516769,
  "snr_total": 9.240905832496905,
  "snr_wm": 16.424574243151614,
  "snrd_csf": 19.32596716138066,
  "snrd_gm": 34.0986205453637,
  "snrd_total": 34.227236183004685,
  "snrd_wm": 49.257120842269686,
  "spacing_x": 0.9000000357627869,
  "spacing_y": 0.859375,
  "spacing_z": 0.859375,
  "summary_bg_k": 2.189291378895037,
  "summary_bg_mad": 13.300337746224466,
  "summary_bg_mean": 23.737619798681926,
  "summary_bg_median": 20.21712175011635,
  "summary_bg_n": 2373449.0,
  "summary_bg_p05": 5.525579899549484,
  "summary_bg_p95": 52.98056021332741,
  "summary_bg_stdv": 15.261315306842217,
  "summary_csf_k": 38.25043144965047,
  "summary_csf_mad": 151.94190186175993,
  "summary_csf_mean": 408.98157215508047,
  "summary_csf_median": 392.3486762791872,
  "summary_csf_n": 18678.0,
  "summary_csf_p05": 191.38008499145508,
  "summary_csf_p95": 619.0599692165852,
  "summary_csf_stdv": 211.09340353552875,
  "summary_gm_k": 0.1965094460282235,
  "summary_gm_mad": 70.35685909234681,
  "summary_gm_mean": 694.287272473226,
  "summary_gm_median": 692.2576511800289,
  "summary_gm_n": 43146.0,
  "summary_gm_p05": 577.0005551576614,
  "summary_gm_p95": 819.8497917428613,
  "summary_gm_stdv": 73.33507575092877,
  "summary_wm_k": 0.4049807546977906,
  "summary_wm_mad": 58.116693195459085,
  "summary_wm_mean": 998.7265977745279,
  "summary_wm_median": 999.9999481737614,
  "summary_wm_n": 335707.0,
  "summary_wm_p05": 896.3335685759782,
  "summary_wm_p95": 1096.1450384259224,
  "summary_wm_stdv": 60.88428497290658,
  "tpm_overlap_csf": 0.17289015650749207,
  "tpm_overlap_gm": 0.4593524932861328,
  "tpm_overlap_wm": 0.5028200745582581,
  "wm2max": 0.4736795098231419
}