{
  "bids_meta": {
    "DeviceSerialNumber": "66018",
    "DwellTime": 9.8e-06,
    "EchoTime": 0.00267,
    "FlipAngle": 7,
    "InstitutionAddress": "Washington Rd, Building 25, Princeton, NJ 08540, USA",
    "InstitutionName": "Princeton University",
    "InstitutionalDepartmentName": "Princeton Neuroscience Institute",
    "InversionTime": 1.2,
    "MagneticFieldStrength": 3,
    "Manufacturer": "Siemens",
    "ManufacturersModelName": "Prisma",
    "ParallelReductionFactorInPlane": 2,
    "ParellelReductionType": "TODO",
    "PartialFourier": 1,
    "PixelBandwidth": 200,
    "PulseSequenceDetails": "%SiemensSeq%_tfl",
    "PulseSequenceType": "MPRAGE",
    "ReceiveCoilActiveElements": "HC1-7;NC1",
    "ReceiveCoilName": "HeadNeck_64",
    "RepetitionTime": 2.53,
    "ScanOptions": "IR",
    "ScanningSequence": "GR_IR",
    "SequenceName": "_tfl3d1_16",
    "SequenceVariant": "SK_SP_MP",
    "SoftwareVersions": "syngo_MR_D13D",
    "StationName": "AWP66018",
    "dataset": "ds002345",
    "modality": "T1w",
    "subject_id": "214"
  },
  "cjv": 0.37693899128074315,
  "cnr": 3.1632095696019893,
  "efc": 0.5679793095293156,
  "fber": 385.5939460653861,
  "fwhm_avg": 3.727453333333333,
  "fwhm_x": 3.68955,
  "fwhm_y": 3.73992,
  "fwhm_z": 3.75289,
  "icvs_csf": 0.1845431560414697,
  "icvs_gm": 0.4186533007686864,
  "icvs_wm": 0.39680354318984395,
  "inu_med": 1.3219283819198608,
  "inu_range": 0.5851947784423828,
  "provenance": {
    "md5sum": "07fd01a53d2b931006d650015b330e8f",
    "settings": {
      "testing": false
    },
    "software": "mriqc",
    "version": "22.0.0rc1",
    "warnings": {
      "large_rot_frame": true,
      "small_air_mask": false
    },
    "webapi_port": null,
    "webapi_url": "https://mriqc.nimh.nih.gov/api/v1"
  },
  "qi_1": 1.0193400664991975e-05,
  "qi_2": 0.0018676281468300044,
  "rpve_csf": 28.35208923582906,
  "rpve_gm": 13.304315050293285,
  "rpve_wm": 17.07096302921884,
  "size_x": 176,
  "size_y": 256,
  "size_z": 256,
  "snr_csf": 3.9636467882171322,
  "snr_gm": 10.626535305178429,
  "snr_total": 10.888017290307728,
  "snr_wm": 18.07386977752762,
  "snrd_csf": 13.419282065255103,
  "snrd_gm": 21.490514030610605,
  "snrd_total": 21.645560617153127,
  "snrd_wm": 30.026885755593664,
  "spacing_x": 1.0,
  "spacing_y": 1.0,
  "spacing_z": 1.0,
  "summary_bg_k": 5.268628728656511,
  "summary_bg_mad": 21.81986202636383,
  "summary_bg_mean": 36.72532851550483,
  "summary_bg_median": 34.22294171154499,
  "summary_bg_n": 2914658.0,
  "summary_bg_p05": 7.041757553815842,
  "summary_bg_p95": 74.5017949193716,
  "summary_bg_stdv": 21.916938285771487,
  "summary_csf_k": -0.08329058932828115,
  "summary_csf_mad": 97.19756720834798,
  "summary_csf_mean": 425.0201277704269,
  "summary_csf_median": 446.94035194069147,
  "summary_csf_n": 4085.0,
  "summary_csf_p05": 200.36616943627595,
  "summary_csf_p95": 582.1702640041708,
  "summary_csf_stdv": 112.74608142667853,
  "summary_gm_k": 0.420502713486393,
  "summary_gm_mad": 64.15457040765824,
  "summary_gm_mean": 714.9602961623949,
  "summary_gm_median": 715.7594465576112,
  "summary_gm_n": 14544.0,
  "summary_gm_p05": 602.1406884267926,
  "summary_gm_p95": 823.1004778292029,
  "summary_gm_stdv": 67.35354646534668,
  "summary_wm_k": 7.272774186758667,
  "summary_wm_mad": 43.0133165304397,
  "summary_wm_mean": 1005.2754643265453,
  "summary_wm_median": 1000.0704077929258,
  "summary_wm_n": 196213.0,
  "summary_wm_p05": 930.8499310389161,
  "summary_wm_p95": 1091.5428384169936,
  "summary_wm_stdv": 55.332248802775716,
  "tpm_overlap_csf": 0.14030565321445465,
  "tpm_overlap_gm": 0.4284474551677704,
  "tpm_overlap_wm": 0.5029146671295166,
  "wm2max": 0.30943424756459154
}