{
  "bids_meta": {
    "DeviceSerialNumber": "45031",
    "DwellTime": 8.2e-06,
    "EchoTime": 0.00308,
    "FlipAngle": 9,
    "InstitutionAddress": "Washington Rd, Princeton, NJ 08540, USA",
    "InstitutionName": "Princeton University",
    "InstitutionalDepartmentName": "Princeton Neuroscience Institute",
    "InversionTime": 0.9,
    "MagneticFieldStrength": 3,
    "Manufacturer": "Siemens",
    "ManufacturersModelName": "Skyra",
    "ParallelReductionFactorInPlane": 2,
    "ParallelReductionType": "GRAPPA",
    "PartialFourier": 1,
    "PixelBandwidth": 240,
    "PulseSequenceDetails": "%SiemensSeq%_tfl",
    "PulseSequenceType": "MPRAGE",
    "ReceiveCoilActiveElements": "HE1-4",
    "ReceiveCoilName": "HeadNeck_20",
    "RepetitionTime": 2.3,
    "ScanOptions": "IR",
    "ScanningSequence": "GR_IR",
    "SequenceName": "_tfl3d1_16ns",
    "SequenceVariant": "SK_SP_MP",
    "SoftwareVersions": "syngo_MR_D11",
    "StationName": "AWP45031",
    "dataset": "ds002345",
    "modality": "T1w",
    "subject_id": "015"
  },
  "cjv": 0.46684645502759425,
  "cnr": 2.8392364253624574,
  "efc": 0.6860228148845929,
  "fber": 999.5325443786984,
  "fwhm_avg": 3.629252102126896,
  "fwhm_x": 3.595421760926142,
  "fwhm_y": 3.815994181818182,
  "fwhm_z": 3.4763403636363637,
  "icvs_csf": 0.20092735429760564,
  "icvs_gm": 0.3991989309064604,
  "icvs_wm": 0.3998737147959339,
  "inu_med": 1.3964695930480957,
  "inu_range": 0.6843687653541566,
  "provenance": {
    "md5sum": "1a937427e9ed85cb1e1e570e37dbe7dd",
    "settings": {
      "testing": false
    },
    "software": "mriqc",
    "version": "21.0.0rc2",
    "warnings": {
      "large_rot_frame": true,
      "small_air_mask": false
    },
    "webapi_port": null,
    "webapi_url": "https://mriqc.nimh.nih.gov/api/v1"
  },
  "qi_1": 0.0,
  "qi_2": 0.0034221642611036796,
  "rpve_csf": 16.236862371814066,
  "rpve_gm": 8.509600050411777,
  "rpve_wm": 10.569434893856892,
  "size_x": 192,
  "size_y": 256,
  "size_z": 256,
  "snr_csf": 3.045320640206672,
  "snr_gm": 8.844961765414126,
  "snr_total": 9.440840315818003,
  "snr_wm": 16.432238541833208,
  "snrd_csf": 23.092466325657877,
  "snrd_gm": 41.033725155921836,
  "snrd_total": 40.59729772713548,
  "snrd_wm": 57.665701699826734,
  "spacing_x": 0.9000028967857361,
  "spacing_y": 0.859375,
  "spacing_z": 0.859375,
  "summary_bg_k": 3.8933731764237978,
  "summary_bg_mad": 11.360936350666728,
  "summary_bg_mean": 17.732835635603454,
  "summary_bg_median": 15.46757459640503,
  "summary_bg_n": 2005779.0,
  "summary_bg_p05": 2.625230550765991,
  "summary_bg_p95": 40.22988438606262,
  "summary_bg_stdv": 11.991051566035697,
  "summary_csf_k": -0.35093081568239537,
  "summary_csf_mad": 140.85457197724767,
  "summary_csf_mean": 396.35997407485036,
  "summary_csf_median": 400.45408725738525,
  "summary_csf_n": 12787.0,
  "summary_csf_p05": 177.309490442276,
  "summary_csf_p95": 604.0655497312545,
  "summary_csf_stdv": 131.49302671884257,
  "summary_gm_k": 0.43971191079396377,
  "summary_gm_mad": 76.05515723640781,
  "summary_gm_mean": 713.8180457035168,
  "summary_gm_median": 711.5793836116791,
  "summary_gm_n": 34330.0,
  "summary_gm_p05": 586.2068867683411,
  "summary_gm_p95": 852.5294309258461,
  "summary_gm_stdv": 80.44907808486575,
  "summary_wm_k": 0.4573808478674466,
  "summary_wm_mad": 58.59297729001266,
  "summary_wm_mean": 1000.4209442138534,
  "summary_wm_median": 999.9999833106995,
  "summary_wm_n": 416203.0,
  "summary_wm_p05": 901.8731224536896,
  "summary_wm_p95": 1100.3973138332367,
  "summary_wm_stdv": 60.85590708942986,
  "tpm_overlap_csf": 0.13907459378242493,
  "tpm_overlap_gm": 0.3992864489555359,
  "tpm_overlap_wm": 0.46888408064842224,
  "wm2max": 0.4707100394095251
}