{
  "aor": 0.0007008090614886731,
  "aqi": 0.011116971132686084,
  "bids_meta": {
    "CogAtlasID": "https://www.cognitiveatlas.org/task/id/trm_4c8991fadfe01",
    "DeviceSerialNumber": "66018",
    "DwellTime": 4.2e-06,
    "EchoTime": 0.039,
    "EffectiveEchoSpacing": 0.000929976,
    "FlipAngle": 50,
    "InstitutionAddress": "Washington Rd, Princeton, NJ 08540, USA",
    "InstitutionName": "Princeton University",
    "InstitutionalDepartmentName": "Princeton Neuroscience Institute",
    "MagneticFieldStrength": 3,
    "Manufacturer": "Siemens",
    "ManufacturersModelName": "Prisma",
    "NumberOfVolumesDiscardedByScanner": 3,
    "ParallelReductionType": "GRAPPA",
    "PartialFourier": 0.75,
    "PhaseEncodingDirection": "j-",
    "PixelBandwidth": 1240,
    "PulseSequenceDetails": "%CustomerSeq%_ep2d_bold_sms_mgh_v22",
    "PulseSequenceType": "Gradient Echo EPI",
    "ReceiveCoilActiveElements": "HC1-7;NC1,2",
    "ReceiveCoilName": "HeadNeck_64",
    "RepetitionTime": 1.5,
    "ScanOptions": "PFP_FS",
    "ScanningSequence": "EP",
    "SequenceName": "epfSM2d1_96",
    "SequenceVariant": "SK",
    "SliceTiming": [
      0.6925,
      0,
      0.79,
      0.1,
      0.8875,
      0.1975,
      0.9875,
      0.2975,
      1.085,
      0.395,
      1.185,
      0.495,
      1.2825,
      0.5925,
      1.3825,
      0.6925,
      0,
      0.79,
      0.1,
      0.8875,
      0.1975,
      0.9875,
      0.2975,
      1.085,
      0.395,
      1.185,
      0.495,
      1.2825,
      0.5925,
      1.3825,
      0.6925,
      0,
      0.79,
      0.1,
      0.8875,
      0.1975,
      0.9875,
      0.2975,
      1.085,
      0.395,
      1.185,
      0.495,
      1.2825,
      0.5925,
      1.3825,
      0.6925,
      0,
      0.79,
      0.1,
      0.8875,
      0.1975,
      0.9875,
      0.2975,
      1.085,
      0.395,
      1.185,
      0.495,
      1.2825,
      0.5925,
      1.3825
    ],
    "SoftwareVersions": "syngo_MR_D13D",
    "StationName": "AWP66018",
    "TaskDescription": "Passively listened to audio story 'shapessocial'",
    "TaskName": "shapessocial",
    "TotalReadoutTime": 0.0883478,
    "dataset": "ds002345",
    "modality": "bold",
    "subject_id": "191",
    "task_id": "shapessocial"
  },
  "dummy_trs": 1,
  "dvars_nstd": 42.86285797954544,
  "dvars_std": 1.1043620438636361,
  "dvars_vstd": 0.9594829725974028,
  "efc": 0.6430146981626589,
  "fber": 159.1168212890625,
  "fd_mean": 0.16556163330656046,
  "fd_num": 51,
  "fd_perc": 16.50485436893204,
  "fwhm_avg": 3.0187916666666665,
  "fwhm_x": 2.662355,
  "fwhm_y": 3.3537,
  "fwhm_z": 3.04032,
  "gcor": 0.00950047,
  "gsr_x": 0.0011331419227644801,
  "gsr_y": 0.06192508712410927,
  "provenance": {
    "md5sum": "3ee33088720bbe617a0d20b7a97e34a7",
    "settings": {
      "fd_thres": 0.2,
      "testing": false
    },
    "software": "mriqc",
    "version": "22.0.0rc1",
    "webapi_port": null,
    "webapi_url": "https://mriqc.nimh.nih.gov/api/v1"
  },
  "size_t": 309,
  "size_x": 96,
  "size_y": 96,
  "size_z": 60,
  "snr": 2.181074227793424,
  "spacing_tr": 1.5,
  "spacing_x": 2.0,
  "spacing_y": 2.0,
  "spacing_z": 2.0,
  "summary_bg_k": 16.519353074882634,
  "summary_bg_mad": 17.594505152316703,
  "summary_bg_mean": 75.02870178222656,
  "summary_bg_median": 36.52750778198242,
  "summary_bg_n": 288257.0,
  "summary_bg_p05": 21.815534591674805,
  "summary_bg_p95": 275.9288024902344,
  "summary_bg_stdv": 98.74320983886719,
  "summary_fg_k": 1.9092994830765946,
  "summary_fg_mad": 208.4183633091837,
  "summary_fg_mean": 525.8405151367188,
  "summary_fg_median": 492.3980712890625,
  "summary_fg_n": 164725.0,
  "summary_fg_p05": 236.92881774902344,
  "summary_fg_p95": 936.3670166015623,
  "summary_fg_stdv": 225.7587432861328,
  "tsnr": 31.47925471700728
}