{
  "aor": 0.0014679666666666668,
  "aqi": 0.005197031266666667,
  "bids_meta": {
    "CogAtlasID": "https://www.cognitiveatlas.org/task/id/trm_4c8991fadfe01",
    "DeviceSerialNumber": "45031",
    "DwellTime": 5.4e-06,
    "EchoTime": 0.028,
    "EffectiveEchoSpacing": 0.000390001,
    "FlipAngle": 64,
    "InstitutionAddress": "Washington Rd, Princeton, NJ 08540, USA",
    "InstitutionName": "Princeton University",
    "InstitutionalDepartmentName": "Princeton Neuroscience Institute",
    "MagneticFieldStrength": 3,
    "Manufacturer": "Siemens",
    "ManufacturersModelName": "Skyra",
    "NumberOfVolumesDiscardedByScanner": 3,
    "ParallelReductionFactorInPlane": 2,
    "ParallelReductionType": "GRAPPA",
    "PartialFourier": 1,
    "PhaseEncodingDirection": "j-",
    "PixelBandwidth": 1445,
    "PulseSequenceDetails": "%SiemensSeq%_ep2d_bold",
    "PulseSequenceType": "Gradient Echo EPI",
    "ReceiveCoilActiveElements": "HE1-4",
    "ReceiveCoilName": "HeadNeck_20",
    "RepetitionTime": 1.5,
    "ScanOptions": "FS",
    "ScanningSequence": "EP",
    "SequenceName": "_epfid2d1_64",
    "SequenceVariant": "SK",
    "SliceTiming": [
      0,
      0.7775,
      0.055,
      0.8325,
      0.11,
      0.89,
      0.1675,
      0.945,
      0.2225,
      1,
      0.2775,
      1.055,
      0.3325,
      1.11,
      0.39,
      1.1675,
      0.445,
      1.2225,
      0.5,
      1.2775,
      0.555,
      1.3325,
      0.61,
      1.3875,
      0.6675,
      1.445,
      0.7225
    ],
    "SoftwareVersions": "syngo_MR_D11",
    "StationName": "AWP45031",
    "TaskDescription": "Passively listened to audio story 'pieman'",
    "TaskName": "pieman",
    "TotalReadoutTime": 0.0245701,
    "dataset": "ds002345",
    "modality": "bold",
    "subject_id": "042",
    "task_id": "pieman"
  },
  "dummy_trs": 0,
  "dvars_nstd": 18.497946700635463,
  "dvars_std": 1.1598119781939795,
  "dvars_vstd": 1.0064680066555187,
  "efc": 0.597640472740989,
  "fber": 2718.50390625,
  "fd_mean": 0.09262094062851656,
  "fd_num": 13,
  "fd_perc": 4.333333333333333,
  "fwhm_avg": 1.7435608333333334,
  "fwhm_x": 1.7092599999999998,
  "fwhm_y": 1.97035,
  "fwhm_z": 1.5510725,
  "gcor": 0.0624337,
  "gsr_x": 0.0012706001289188862,
  "gsr_y": 0.0368940643966198,
  "provenance": {
    "md5sum": "8011be8fc75b6f6d49be7ed02b64ac91",
    "settings": {
      "fd_thres": 0.2,
      "testing": false
    },
    "software": "mriqc",
    "version": "21.0.0rc2",
    "webapi_port": null,
    "webapi_url": "https://mriqc.nimh.nih.gov/api/v1"
  },
  "size_t": 300,
  "size_x": 64,
  "size_y": 64,
  "size_z": 27,
  "snr": 7.074832389717585,
  "spacing_tr": 1.5,
  "spacing_x": 3.0,
  "spacing_y": 3.0,
  "spacing_z": 4.0,
  "summary_bg_k": 37.701603517831856,
  "summary_bg_mad": 8.608976448520501,
  "summary_bg_mean": 37.5467414855957,
  "summary_bg_median": 13.916666984558105,
  "summary_bg_n": 52897.0,
  "summary_bg_p05": 6.3466668128967285,
  "summary_bg_p95": 147.45867309570303,
  "summary_bg_stdv": 71.76882934570312,
  "summary_fg_k": 2.1907019429683467,
  "summary_fg_mad": 101.87456276199325,
  "summary_fg_mean": 779.5803833007812,
  "summary_fg_median": 773.3350219726562,
  "summary_fg_n": 28752.0,
  "summary_fg_p05": 625.2013763427734,
  "summary_fg_p95": 958.0818542480467,
  "summary_fg_stdv": 109.30599212646484,
  "tsnr": 82.91744066798128
}