{
  "aor": 0.0011146451612903225,
  "aqi": 0.007571420580645161,
  "bids_meta": {
    "CogAtlasID": "https://www.cognitiveatlas.org/task/id/trm_4c8991fadfe01",
    "DeviceSerialNumber": "66018",
    "DwellTime": 4.2e-06,
    "EchoTime": 0.039,
    "EffectiveEchoSpacing": 0.000929976,
    "FlipAngle": 50,
    "InstitutionAddress": "Washington Rd, Princeton, NJ 08540, USA",
    "InstitutionName": "Princeton University",
    "InstitutionalDepartmentName": "Princeton Neuroscience Institute",
    "MagneticFieldStrength": 3,
    "Manufacturer": "Siemens",
    "ManufacturersModelName": "Prisma",
    "NumberOfVolumesDiscardedByScanner": 3,
    "ParallelReductionType": "GRAPPA",
    "PartialFourier": 0.75,
    "PhaseEncodingDirection": "j-",
    "PixelBandwidth": 1240,
    "PulseSequenceDetails": "%CustomerSeq%_ep2d_bold_sms_mgh_v22",
    "PulseSequenceType": "Gradient Echo EPI",
    "ReceiveCoilActiveElements": "HC1-7;NC1,2",
    "ReceiveCoilName": "HeadNeck_64",
    "RepetitionTime": 1.5,
    "ScanOptions": "PFP_FS",
    "ScanningSequence": "EP",
    "SequenceName": "epfSM2d1_96",
    "SequenceVariant": "SK",
    "SliceTiming": [
      0.6925,
      0,
      0.79,
      0.1,
      0.8875,
      0.1975,
      0.9875,
      0.2975,
      1.085,
      0.395,
      1.185,
      0.495,
      1.2825,
      0.5925,
      1.3825,
      0.6925,
      0,
      0.79,
      0.1,
      0.8875,
      0.1975,
      0.9875,
      0.2975,
      1.085,
      0.395,
      1.185,
      0.495,
      1.2825,
      0.5925,
      1.3825,
      0.6925,
      0,
      0.79,
      0.1,
      0.8875,
      0.1975,
      0.9875,
      0.2975,
      1.085,
      0.395,
      1.185,
      0.495,
      1.2825,
      0.5925,
      1.3825,
      0.6925,
      0,
      0.79,
      0.1,
      0.8875,
      0.1975,
      0.9875,
      0.2975,
      1.085,
      0.395,
      1.185,
      0.495,
      1.2825,
      0.5925,
      1.3825
    ],
    "SoftwareVersions": "syngo_MR_D13D",
    "StationName": "AWP66018",
    "TaskDescription": "Passively listened to audio story 'shapessocial'",
    "TaskName": "shapessocial",
    "TotalReadoutTime": 0.0883478,
    "dataset": "ds002345",
    "modality": "bold",
    "subject_id": "223",
    "task_id": "shapessocial"
  },
  "dummy_trs": 1,
  "dvars_nstd": 38.581238410355986,
  "dvars_std": 1.1286222513268611,
  "dvars_vstd": 0.9879591910355985,
  "efc": 0.6055753692156783,
  "fber": 270.8452453613281,
  "fd_mean": 0.08490924239743736,
  "fd_num": 8,
  "fd_perc": 2.5806451612903225,
  "fwhm_avg": 2.9297133333333334,
  "fwhm_x": 2.730285,
  "fwhm_y": 3.202865,
  "fwhm_z": 2.85599,
  "gcor": 0.0134754,
  "gsr_x": -0.013172618113458157,
  "gsr_y": 0.07871820777654648,
  "provenance": {
    "md5sum": "91c4e88d4ac11f40a12b273d13800792",
    "settings": {
      "fd_thres": 0.2,
      "testing": false
    },
    "software": "mriqc",
    "version": "22.0.0rc1",
    "webapi_port": null,
    "webapi_url": "https://mriqc.nimh.nih.gov/api/v1"
  },
  "size_t": 310,
  "size_x": 96,
  "size_y": 96,
  "size_z": 60,
  "snr": 2.1850500535380926,
  "spacing_tr": 1.5,
  "spacing_x": 2.0,
  "spacing_y": 2.0,
  "spacing_z": 2.0,
  "summary_bg_k": 34.69449781183134,
  "summary_bg_mad": 10.464303441789667,
  "summary_bg_mean": 55.072265625,
  "summary_bg_median": 28.69354820251465,
  "summary_bg_n": 308756.0,
  "summary_bg_p05": 20.090322494506836,
  "summary_bg_p95": 183.26451110839844,
  "summary_bg_stdv": 67.55521392822266,
  "summary_fg_k": 6.059012691344092,
  "summary_fg_mad": 189.68700453998454,
  "summary_fg_mean": 527.4308471679688,
  "summary_fg_median": 490.6499938964844,
  "summary_fg_n": 153444.0,
  "summary_fg_p05": 254.92999954223635,
  "summary_fg_p95": 916.7188751220704,
  "summary_fg_stdv": 224.5478973388672,
  "tsnr": 37.11707802629098
}