{
  "aor": 0.0008282051282051282,
  "aqi": 0.006467567461538462,
  "bids_meta": {
    "AcquisitionMatrixPE": 96,
    "BandwidthPerPixelPhaseEncode": 20.425,
    "BaseResolution": 96,
    "BodyPartExamined": "BRAIN",
    "ConsistencyInfo": "N4_VE11C_LATEST_20160120",
    "ConversionSoftware": "dcm2niix",
    "ConversionSoftwareVersion": "v1.0.20180328 GCC6.3.0",
    "DerivedVendorReportedEchoSpacing": 0.000509996,
    "DeviceSerialNumber": "66018",
    "DwellTime": 2.1e-06,
    "EchoTime": 0.031,
    "EchoTrainLength": 96,
    "EffectiveEchoSpacing": 0.000509996,
    "FlipAngle": 67,
    "ImageOrientationPatientDICOM": [
      1,
      0,
      0,
      0,
      1,
      0
    ],
    "ImageType": [
      "ORIGINAL",
      "PRIMARY",
      "M",
      "ND",
      "NORM",
      "MOSAIC"
    ],
    "InPlanePhaseEncodingDirectionDICOM": "COL",
    "InstitutionAddress": "Washington Rd, Princeton, NJ 08540, USA",
    "InstitutionName": "Princeton University",
    "InstitutionalDepartmentName": "Princeton Neuroscience Institute",
    "MRAcquisitionType": "2D",
    "MagneticFieldStrength": 3,
    "Manufacturer": "Siemens",
    "ManufacturersModelName": "Prisma",
    "Modality": "MR",
    "MultibandAccelerationFactor": 3,
    "NumberOfVolumesDiscardedByScanner": 3,
    "PartialFourier": 1,
    "PatientPosition": "HFS",
    "PercentPhaseFOV": 100,
    "PhaseEncodingDirection": "j-",
    "PhaseEncodingSteps": 96,
    "PhaseResolution": 1,
    "PixelBandwidth": 2480,
    "ProcedureStepDescription": "Hasson_Nastase_042518_Storyteller",
    "ProtocolName": "func_task-bronx",
    "PulseSequenceDetails": "%SiemensSeq%_ep2d_bold",
    "ReceiveCoilActiveElements": "HC1-7;NC1",
    "ReceiveCoilName": "HeadNeck_64",
    "ReconMatrixPE": 96,
    "RepetitionTime": 1.5,
    "SAR": 0.0396609,
    "ScanOptions": "FS",
    "ScanningSequence": "EP",
    "SequenceName": "_epfid2d1_96",
    "SequenceVariant": "SK",
    "SeriesDescription": "func_task-bronx",
    "SeriesNumber": 8,
    "ShimSetting": [
      765,
      546,
      2062,
      565,
      -96,
      48,
      317,
      -14
    ],
    "SliceThickness": 2.5,
    "SliceTiming": [
      1.1075,
      0,
      0.7375,
      0.09,
      0.83,
      0.1825,
      0.9225,
      0.275,
      1.015,
      0.46,
      1.2,
      0.5525,
      1.2925,
      0.645,
      1.385,
      0.3675,
      1.1075,
      0,
      0.7375,
      0.09,
      0.83,
      0.1825,
      0.9225,
      0.275,
      1.015,
      0.46,
      1.2,
      0.5525,
      1.2925,
      0.645,
      1.385,
      0.3675,
      1.1075,
      0,
      0.7375,
      0.09,
      0.83,
      0.1825,
      0.9225,
      0.275,
      1.015,
      0.46,
      1.2,
      0.5525,
      1.2925,
      0.645,
      1.385,
      0.3675
    ],
    "SoftwareVersions": "syngo_MR_E11",
    "SpacingBetweenSlices": 2.5,
    "StationName": "AWP66018",
    "TaskDescription": "Passively listened to audio story 'bronx'",
    "TaskName": "bronx",
    "TotalReadoutTime": 0.0484496,
    "TxRefAmp": 236.129,
    "dataset": "ds002345",
    "modality": "bold",
    "subject_id": "267",
    "task_id": "bronx"
  },
  "dummy_trs": 0,
  "dvars_nstd": 30.028640158508995,
  "dvars_std": 1.32303530403599,
  "dvars_vstd": 1.0087415994858604,
  "efc": 0.4511231473461806,
  "fber": 3683.56298828125,
  "fd_mean": 0.12952488476111387,
  "fd_num": 46,
  "fd_perc": 11.794871794871796,
  "fwhm_avg": 1.900004,
  "fwhm_x": 1.786228,
  "fwhm_y": 2.051504,
  "fwhm_z": 1.8622800000000002,
  "gcor": 0.0297917,
  "gsr_x": -0.022071339190006256,
  "gsr_y": 0.024706561118364334,
  "provenance": {
    "md5sum": "45ea68f7f27c4b11c56b1474353388f1",
    "settings": {
      "fd_thres": 0.2,
      "testing": false
    },
    "software": "mriqc",
    "version": "22.0.0rc1",
    "webapi_port": null,
    "webapi_url": "https://mriqc.nimh.nih.gov/api/v1"
  },
  "size_t": 390,
  "size_x": 96,
  "size_y": 96,
  "size_z": 48,
  "snr": 5.710986782949645,
  "spacing_tr": 1.5,
  "spacing_x": 2.5,
  "spacing_y": 2.5,
  "spacing_z": 2.5,
  "summary_bg_k": 37.40095470252863,
  "summary_bg_mad": 6.724932040053047,
  "summary_bg_mean": 26.620285034179688,
  "summary_bg_median": 11.517949104309082,
  "summary_bg_n": 316398.0,
  "summary_bg_p05": 5.300000190734863,
  "summary_bg_p95": 103.30846252441388,
  "summary_bg_stdv": 46.72338104248047,
  "summary_fg_k": 2.856849240901992,
  "summary_fg_mad": 110.03760733157715,
  "summary_fg_mean": 707.3784790039062,
  "summary_fg_median": 702.3115844726562,
  "summary_fg_n": 65150.0,
  "summary_fg_p05": 536.3766967773438,
  "summary_fg_p95": 903.8723388671874,
  "summary_fg_stdv": 122.97457885742188,
  "tsnr": 67.06256802426651
}