{
  "aor": 0.00027585365853658535,
  "aqi": 0.008971690766550522,
  "bids_meta": {
    "AcquisitionMatrixPE": 96,
    "BandwidthPerPixelPhaseEncode": 20.425,
    "BaseResolution": 96,
    "BodyPartExamined": "BRAIN",
    "ConsistencyInfo": "N4_VE11C_LATEST_20160120",
    "ConversionSoftware": "dcm2niix",
    "ConversionSoftwareVersion": "v1.0.20180328 GCC6.3.0",
    "DerivedVendorReportedEchoSpacing": 0.000509996,
    "DeviceSerialNumber": "66018",
    "DwellTime": 2.1e-06,
    "EchoTime": 0.031,
    "EchoTrainLength": 96,
    "EffectiveEchoSpacing": 0.000509996,
    "FlipAngle": 67,
    "ImageOrientationPatientDICOM": [
      1,
      0,
      0,
      0,
      1,
      0
    ],
    "ImageType": [
      "ORIGINAL",
      "PRIMARY",
      "M",
      "ND",
      "NORM",
      "MOSAIC"
    ],
    "InPlanePhaseEncodingDirectionDICOM": "COL",
    "InstitutionAddress": "Washington Rd, Princeton, NJ 08540, USA",
    "InstitutionName": "Princeton University",
    "InstitutionalDepartmentName": "Princeton Neuroscience Institute",
    "MRAcquisitionType": "2D",
    "MagneticFieldStrength": 3,
    "Manufacturer": "Siemens",
    "ManufacturersModelName": "Prisma",
    "Modality": "MR",
    "MultibandAccelerationFactor": 3,
    "NumberOfVolumesDiscardedByScanner": 3,
    "PartialFourier": 1,
    "PatientPosition": "HFS",
    "PercentPhaseFOV": 100,
    "PhaseEncodingDirection": "j-",
    "PhaseEncodingSteps": 96,
    "PhaseResolution": 1,
    "PixelBandwidth": 2480,
    "ProcedureStepDescription": "Hasson_Nastase_042518_Storyteller",
    "ProtocolName": "func_task-forgot",
    "PulseSequenceDetails": "%SiemensSeq%_ep2d_bold",
    "ReceiveCoilActiveElements": "HC1-7;NC1",
    "ReceiveCoilName": "HeadNeck_64",
    "ReconMatrixPE": 96,
    "RepetitionTime": 1.5,
    "SAR": 0.0396844,
    "ScanOptions": "FS",
    "ScanningSequence": "EP",
    "SequenceName": "_epfid2d1_96",
    "SequenceVariant": "SK",
    "SeriesDescription": "func_task-forgot",
    "SeriesNumber": 10,
    "ShimSetting": [
      765,
      546,
      2062,
      565,
      -96,
      48,
      317,
      -14
    ],
    "SliceThickness": 2.5,
    "SliceTiming": [
      1.11,
      0,
      0.74,
      0.0925,
      0.8325,
      0.185,
      0.925,
      0.2775,
      1.0175,
      0.4625,
      1.2025,
      0.555,
      1.295,
      0.6475,
      1.3875,
      0.37,
      1.11,
      0,
      0.74,
      0.0925,
      0.8325,
      0.185,
      0.925,
      0.2775,
      1.0175,
      0.4625,
      1.2025,
      0.555,
      1.295,
      0.6475,
      1.3875,
      0.37,
      1.11,
      0,
      0.74,
      0.0925,
      0.8325,
      0.185,
      0.925,
      0.2775,
      1.0175,
      0.4625,
      1.2025,
      0.555,
      1.295,
      0.6475,
      1.3875,
      0.37
    ],
    "SoftwareVersions": "syngo_MR_E11",
    "SpacingBetweenSlices": 2.5,
    "StationName": "AWP66018",
    "TaskDescription": "Passively listened to audio story 'forgot'",
    "TaskName": "forgot",
    "TotalReadoutTime": 0.0484496,
    "TxRefAmp": 236.129,
    "dataset": "ds002345",
    "modality": "bold",
    "subject_id": "267",
    "task_id": "forgot"
  },
  "dummy_trs": 0,
  "dvars_nstd": 31.34752769537524,
  "dvars_std": 1.322538571291449,
  "dvars_vstd": 0.9804779639616061,
  "efc": 0.45277788109573663,
  "fber": 3580.749755859375,
  "fd_mean": 0.1179020646517478,
  "fd_num": 61,
  "fd_perc": 10.627177700348431,
  "fwhm_avg": 1.9036653333333333,
  "fwhm_x": 1.812128,
  "fwhm_y": 2.04662,
  "fwhm_z": 1.8522480000000001,
  "gcor": 0.0362247,
  "gsr_x": -0.022077614441514015,
  "gsr_y": 0.024152681231498718,
  "provenance": {
    "md5sum": "d6fe42696decb30054bdb1f430e64a6a",
    "settings": {
      "fd_thres": 0.2,
      "testing": false
    },
    "software": "mriqc",
    "version": "22.0.0rc1",
    "webapi_port": null,
    "webapi_url": "https://mriqc.nimh.nih.gov/api/v1"
  },
  "size_t": 574,
  "size_x": 96,
  "size_y": 96,
  "size_z": 48,
  "snr": 5.6411890452589235,
  "spacing_tr": 1.5,
  "spacing_x": 2.5,
  "spacing_y": 2.5,
  "spacing_z": 2.5,
  "summary_bg_k": 35.738793337018684,
  "summary_bg_mad": 6.844766679722575,
  "summary_bg_mean": 27.043350219726562,
  "summary_bg_median": 11.578397750854492,
  "summary_bg_n": 316396.0,
  "summary_bg_p05": 5.252613067626953,
  "summary_bg_p95": 106.31968879699707,
  "summary_bg_stdv": 47.40680694580078,
  "summary_fg_k": 3.0839560040451888,
  "summary_fg_mad": 108.59156341972903,
  "summary_fg_mean": 700.68310546875,
  "summary_fg_median": 696.10107421875,
  "summary_fg_n": 65389.0,
  "summary_fg_p05": 530.3240600585938,
  "summary_fg_p95": 894.9588745117187,
  "summary_fg_stdv": 123.39521789550781,
  "tsnr": 58.74662887817249
}