{
  "aor": 0.0008014965986394558,
  "aqi": 0.00863633193877551,
  "bids_meta": {
    "AcquisitionMatrixPE": 96,
    "BandwidthPerPixelPhaseEncode": 20.425,
    "BaseResolution": 96,
    "BodyPartExamined": "BRAIN",
    "ConsistencyInfo": "N4_VE11C_LATEST_20160120",
    "ConversionSoftware": "dcm2niix",
    "ConversionSoftwareVersion": "v1.0.20180328 GCC6.3.0",
    "DerivedVendorReportedEchoSpacing": 0.000509996,
    "DeviceSerialNumber": "66018",
    "DwellTime": 2.1e-06,
    "EchoTime": 0.031,
    "EchoTrainLength": 96,
    "EffectiveEchoSpacing": 0.000509996,
    "FlipAngle": 67,
    "ImageOrientationPatientDICOM": [
      1,
      0,
      0,
      0,
      1,
      0
    ],
    "ImageType": [
      "ORIGINAL",
      "PRIMARY",
      "M",
      "ND",
      "NORM",
      "MOSAIC"
    ],
    "InPlanePhaseEncodingDirectionDICOM": "COL",
    "InstitutionAddress": "Washington Rd, Princeton, NJ 08540, USA",
    "InstitutionName": "Princeton University",
    "InstitutionalDepartmentName": "Princeton Neuroscience Institute",
    "MRAcquisitionType": "2D",
    "MagneticFieldStrength": 3,
    "Manufacturer": "Siemens",
    "ManufacturersModelName": "Prisma",
    "Modality": "MR",
    "MultibandAccelerationFactor": 3,
    "NumberOfVolumesDiscardedByScanner": 3,
    "PartialFourier": 1,
    "PatientPosition": "HFS",
    "PercentPhaseFOV": 100,
    "PhaseEncodingDirection": "j-",
    "PhaseEncodingSteps": 96,
    "PhaseResolution": 1,
    "PixelBandwidth": 2480,
    "ProcedureStepDescription": "Hasson_Nastase_042518_Storyteller",
    "ProtocolName": "func_task-pieman",
    "PulseSequenceDetails": "%SiemensSeq%_ep2d_bold",
    "ReceiveCoilActiveElements": "HC1-7;NC1",
    "ReceiveCoilName": "HeadNeck_64",
    "ReconMatrixPE": 96,
    "RepetitionTime": 1.5,
    "SAR": 0.0396371,
    "ScanOptions": "FS",
    "ScanningSequence": "EP",
    "SequenceName": "_epfid2d1_96",
    "SequenceVariant": "SK",
    "SeriesDescription": "func_task-pieman",
    "SeriesNumber": 7,
    "ShimSetting": [
      765,
      546,
      2062,
      565,
      -96,
      48,
      317,
      -14
    ],
    "SliceThickness": 2.5,
    "SliceTiming": [
      1.11,
      0,
      0.74,
      0.0925,
      0.8325,
      0.185,
      0.925,
      0.2775,
      1.0175,
      0.4625,
      1.2025,
      0.555,
      1.295,
      0.6475,
      1.3875,
      0.37,
      1.11,
      0,
      0.74,
      0.0925,
      0.8325,
      0.185,
      0.925,
      0.2775,
      1.0175,
      0.4625,
      1.2025,
      0.555,
      1.295,
      0.6475,
      1.3875,
      0.37,
      1.11,
      0,
      0.74,
      0.0925,
      0.8325,
      0.185,
      0.925,
      0.2775,
      1.0175,
      0.4625,
      1.2025,
      0.555,
      1.295,
      0.6475,
      1.3875,
      0.37
    ],
    "SoftwareVersions": "syngo_MR_E11",
    "SpacingBetweenSlices": 2.5,
    "StationName": "AWP66018",
    "TaskDescription": "Passively listened to audio story 'piemanpni'",
    "TaskName": "piemanpni",
    "TotalReadoutTime": 0.0484496,
    "TxRefAmp": 236.129,
    "dataset": "ds002345",
    "modality": "bold",
    "subject_id": "267",
    "task_id": "piemanpni"
  },
  "dummy_trs": 0,
  "dvars_nstd": 34.251107375494875,
  "dvars_std": 1.3799880134129692,
  "dvars_vstd": 0.9995601874744025,
  "efc": 0.4508669026355477,
  "fber": 3707.366455078125,
  "fd_mean": 0.11521007795872674,
  "fd_num": 27,
  "fd_perc": 9.183673469387756,
  "fwhm_avg": 1.9241080000000002,
  "fwhm_x": 1.8109680000000001,
  "fwhm_y": 2.075216,
  "fwhm_z": 1.88614,
  "gcor": 0.0637863,
  "gsr_x": -0.021669963374733925,
  "gsr_y": 0.024722767993807793,
  "provenance": {
    "md5sum": "97d2da9f4acf2349f718a7c639897b54",
    "settings": {
      "fd_thres": 0.2,
      "testing": false
    },
    "software": "mriqc",
    "version": "22.0.0rc1",
    "webapi_port": null,
    "webapi_url": "https://mriqc.nimh.nih.gov/api/v1"
  },
  "size_t": 294,
  "size_x": 96,
  "size_y": 96,
  "size_z": 48,
  "snr": 5.69460845145709,
  "spacing_tr": 1.5,
  "spacing_x": 2.5,
  "spacing_y": 2.5,
  "spacing_z": 2.5,
  "summary_bg_k": 36.907299069638896,
  "summary_bg_mad": 6.772567700265147,
  "summary_bg_mean": 26.661752700805664,
  "summary_bg_median": 11.527210235595703,
  "summary_bg_n": 316482.0,
  "summary_bg_p05": 5.2959184646606445,
  "summary_bg_p95": 102.96173515319845,
  "summary_bg_stdv": 46.85609436035156,
  "summary_fg_k": 2.800208103494885,
  "summary_fg_mad": 110.63792368396767,
  "summary_fg_mean": 709.361572265625,
  "summary_fg_median": 704.73974609375,
  "summary_fg_n": 65200.0,
  "summary_fg_p05": 536.2773986816406,
  "summary_fg_p95": 904.960528564453,
  "summary_fg_stdv": 123.7546615600586,
  "tsnr": 60.32855906151235
}