{
  "aor": 0.00026083788706739527,
  "aqi": 0.009076501821493626,
  "bids_meta": {
    "AcquisitionMatrixPE": 96,
    "BandwidthPerPixelPhaseEncode": 20.425,
    "BaseResolution": 96,
    "BodyPartExamined": "BRAIN",
    "ConsistencyInfo": "N4_VE11C_LATEST_20160120",
    "ConversionSoftware": "dcm2niix",
    "ConversionSoftwareVersion": "v1.0.20180328 GCC6.3.0",
    "DerivedVendorReportedEchoSpacing": 0.000509996,
    "DeviceSerialNumber": "66018",
    "DwellTime": 2.1e-06,
    "EchoTime": 0.031,
    "EchoTrainLength": 96,
    "EffectiveEchoSpacing": 0.000509996,
    "FlipAngle": 67,
    "ImageOrientationPatientDICOM": [
      1,
      0,
      0,
      0,
      1,
      0
    ],
    "ImageType": [
      "ORIGINAL",
      "PRIMARY",
      "M",
      "ND",
      "NORM",
      "MOSAIC"
    ],
    "InPlanePhaseEncodingDirectionDICOM": "COL",
    "InstitutionAddress": "Washington Rd, Princeton, NJ 08540, USA",
    "InstitutionName": "Princeton University",
    "InstitutionalDepartmentName": "Princeton Neuroscience Institute",
    "MRAcquisitionType": "2D",
    "MagneticFieldStrength": 3,
    "Manufacturer": "Siemens",
    "ManufacturersModelName": "Prisma",
    "Modality": "MR",
    "MultibandAccelerationFactor": 3,
    "NumberOfVolumesDiscardedByScanner": 3,
    "PartialFourier": 1,
    "PatientPosition": "HFS",
    "PercentPhaseFOV": 100,
    "PhaseEncodingDirection": "j-",
    "PhaseEncodingSteps": 96,
    "PhaseResolution": 1,
    "PixelBandwidth": 2480,
    "ProcedureStepDescription": "Hasson_Nastase_042518_Storyteller",
    "ProtocolName": "func_task-black",
    "PulseSequenceDetails": "%SiemensSeq%_ep2d_bold",
    "ReceiveCoilActiveElements": "HC1-7;NC1",
    "ReceiveCoilName": "HeadNeck_64",
    "ReconMatrixPE": 96,
    "RepetitionTime": 1.5,
    "SAR": 0.0396822,
    "ScanOptions": "FS",
    "ScanningSequence": "EP",
    "SequenceName": "_epfid2d1_96",
    "SequenceVariant": "SK",
    "SeriesDescription": "func_task-black",
    "SeriesNumber": 9,
    "ShimSetting": [
      765,
      546,
      2062,
      565,
      -96,
      48,
      317,
      -14
    ],
    "SliceThickness": 2.5,
    "SliceTiming": [
      1.11,
      0,
      0.74,
      0.0925,
      0.8325,
      0.185,
      0.925,
      0.2775,
      1.0175,
      0.4625,
      1.2025,
      0.555,
      1.295,
      0.6475,
      1.3875,
      0.37,
      1.11,
      0,
      0.74,
      0.0925,
      0.8325,
      0.185,
      0.925,
      0.2775,
      1.0175,
      0.4625,
      1.2025,
      0.555,
      1.295,
      0.6475,
      1.3875,
      0.37,
      1.11,
      0,
      0.74,
      0.0925,
      0.8325,
      0.185,
      0.925,
      0.2775,
      1.0175,
      0.4625,
      1.2025,
      0.555,
      1.295,
      0.6475,
      1.3875,
      0.37
    ],
    "SoftwareVersions": "syngo_MR_E11",
    "SpacingBetweenSlices": 2.5,
    "StationName": "AWP66018",
    "TaskDescription": "Passively listened to audio story 'black'",
    "TaskName": "black",
    "TotalReadoutTime": 0.0484496,
    "TxRefAmp": 236.129,
    "dataset": "ds002345",
    "modality": "bold",
    "subject_id": "267",
    "task_id": "black"
  },
  "dummy_trs": 1,
  "dvars_nstd": 31.83453612781019,
  "dvars_std": 1.3362926821350376,
  "dvars_vstd": 0.9708681053102185,
  "efc": 0.4516106476138475,
  "fber": 3637.861328125,
  "fd_mean": 0.10163062776876193,
  "fd_num": 23,
  "fd_perc": 4.18943533697632,
  "fwhm_avg": 1.9072666666666667,
  "fwhm_x": 1.809676,
  "fwhm_y": 2.05438,
  "fwhm_z": 1.8577439999999998,
  "gcor": 0.0243641,
  "gsr_x": -0.021755142137408257,
  "gsr_y": 0.024653105065226555,
  "provenance": {
    "md5sum": "bffa4d9c794a46b00e5a151467126362",
    "settings": {
      "fd_thres": 0.2,
      "testing": false
    },
    "software": "mriqc",
    "version": "22.0.0rc1",
    "webapi_port": null,
    "webapi_url": "https://mriqc.nimh.nih.gov/api/v1"
  },
  "size_t": 549,
  "size_x": 96,
  "size_y": 96,
  "size_z": 48,
  "snr": 5.646239742598438,
  "spacing_tr": 1.5,
  "spacing_x": 2.5,
  "spacing_y": 2.5,
  "spacing_z": 2.5,
  "summary_bg_k": 37.03079008572013,
  "summary_bg_mad": 6.762177511663951,
  "summary_bg_mean": 26.619081497192383,
  "summary_bg_median": 11.533697128295898,
  "summary_bg_n": 316386.0,
  "summary_bg_p05": 5.253187656402588,
  "summary_bg_p95": 104.03278350830078,
  "summary_bg_stdv": 46.442901611328125,
  "summary_fg_k": 3.0098895968638857,
  "summary_fg_mad": 108.91316792928524,
  "summary_fg_mean": 703.6925048828125,
  "summary_fg_median": 698.8488159179688,
  "summary_fg_n": 65413.0,
  "summary_fg_p05": 531.66044921875,
  "summary_fg_p95": 899.6273193359375,
  "summary_fg_stdv": 123.771484375,
  "tsnr": 58.404675643425435
}