{
  "aor": 0.0016573787271918113,
  "aqi": 0.012019191820204717,
  "bids_meta": {
    "CogAtlasID": "https://www.cognitiveatlas.org/task/id/trm_4c8991fadfe01",
    "DeviceSerialNumber": "45031",
    "DwellTime": 4.9e-06,
    "EchoTime": 0.028,
    "EffectiveEchoSpacing": 0.000355001,
    "FlipAngle": 64,
    "InstitutionAddress": "Washington Rd, Princeton, NJ 08540, USA",
    "InstitutionName": "Princeton University",
    "InstitutionalDepartmentName": "Princeton Neuroscience Institute",
    "MagneticFieldStrength": 3,
    "Manufacturer": "Siemens",
    "ManufacturersModelName": "Skyra",
    "NumberOfVolumesDiscardedByScanner": 3,
    "ParallelReductionFactorInPlane": 2,
    "ParallelReductionType": "GRAPPA",
    "PartialFourier": 1,
    "PhaseEncodingDirection": "j-",
    "PixelBandwidth": 1595,
    "PulseSequenceDetails": "%SiemensSeq%_ep2d_bold",
    "PulseSequenceType": "Gradient Echo EPI",
    "ReceiveCoilActiveElements": "HE1-4",
    "ReceiveCoilName": "HeadNeck_20",
    "RepetitionTime": 1.5,
    "ScanOptions": "FS",
    "ScanningSequence": "EP",
    "SequenceName": "_epfid2d1_64",
    "SequenceVariant": "SK",
    "SliceTiming": [
      0,
      0.7675,
      0.055,
      0.8225,
      0.11,
      0.8775,
      0.165,
      0.9325,
      0.22,
      0.9875,
      0.275,
      1.0425,
      0.33,
      1.0975,
      0.385,
      1.1525,
      0.44,
      1.2075,
      0.495,
      1.2625,
      0.55,
      1.315,
      0.6025,
      1.37,
      0.6575,
      1.425,
      0.7125
    ],
    "SoftwareVersions": "syngo_MR_E11",
    "StationName": "AWP45031",
    "TaskDescription": "Passively listened to audio story '21styear'",
    "TaskName": "21styear",
    "TotalReadoutTime": 0.022365,
    "dataset": "ds002345",
    "modality": "bold",
    "subject_id": "267",
    "task_id": "21styear"
  },
  "dummy_trs": 2,
  "dvars_nstd": 20.269122335921672,
  "dvars_std": 1.181028213023154,
  "dvars_vstd": 1.0237362565271602,
  "efc": 0.5559313141761837,
  "fber": 2365.050048828125,
  "fd_mean": 0.142367959686963,
  "fd_num": 364,
  "fd_perc": 16.1993769470405,
  "fwhm_avg": 1.590931111111111,
  "fwhm_x": 1.5696166666666667,
  "fwhm_y": 1.7918766666666668,
  "fwhm_z": 1.4113,
  "gcor": 0.0414778,
  "gsr_x": -0.008479814045131207,
  "gsr_y": 0.04262399300932884,
  "provenance": {
    "md5sum": "8d6f353cdc0fe6c9206de271e2143ee7",
    "settings": {
      "fd_thres": 0.2,
      "testing": false
    },
    "software": "mriqc",
    "version": "22.0.0rc1",
    "webapi_port": null,
    "webapi_url": "https://mriqc.nimh.nih.gov/api/v1"
  },
  "size_t": 2247,
  "size_x": 64,
  "size_y": 64,
  "size_z": 27,
  "snr": 7.06636141708381,
  "spacing_tr": 1.5,
  "spacing_x": 3.0,
  "spacing_y": 3.0,
  "spacing_z": 4.0,
  "summary_bg_k": 47.386965998663065,
  "summary_bg_mad": 8.774207806624895,
  "summary_bg_mean": 30.06690788269043,
  "summary_bg_median": 13.554962158203125,
  "summary_bg_n": 58235.0,
  "summary_bg_p05": 5.781041145324707,
  "summary_bg_p95": 100.13813858032219,
  "summary_bg_stdv": 51.79640197753906,
  "summary_fg_k": 3.734682590575586,
  "summary_fg_mad": 80.63649411087405,
  "summary_fg_mean": 677.5293579101562,
  "summary_fg_median": 665.5545043945312,
  "summary_fg_n": 24693.0,
  "summary_fg_p05": 558.3077026367188,
  "summary_fg_p95": 836.4781372070312,
  "summary_fg_stdv": 94.18440246582031,
  "tsnr": 62.10505985619966
}