{
  "aor": 0.0029454849498327757,
  "aqi": 0.007346181505016721,
  "bids_meta": {
    "CogAtlasID": "https://www.cognitiveatlas.org/task/id/trm_4c8991fadfe01",
    "DeviceSerialNumber": "45031",
    "DwellTime": 5.4e-06,
    "EchoTime": 0.028,
    "EffectiveEchoSpacing": 0.000390001,
    "FlipAngle": 64,
    "InstitutionAddress": "Washington Rd, Princeton, NJ 08540, USA",
    "InstitutionName": "Princeton University",
    "InstitutionalDepartmentName": "Princeton Neuroscience Institute",
    "MagneticFieldStrength": 3,
    "Manufacturer": "Siemens",
    "ManufacturersModelName": "Skyra",
    "NumberOfVolumesDiscardedByScanner": 3,
    "ParallelReductionFactorInPlane": 2,
    "ParallelReductionType": "GRAPPA",
    "PartialFourier": 1,
    "PhaseEncodingDirection": "j-",
    "PixelBandwidth": 1445,
    "PulseSequenceDetails": "%SiemensSeq%_ep2d_bold",
    "PulseSequenceType": "Gradient Echo EPI",
    "ReceiveCoilActiveElements": "HE1-4",
    "ReceiveCoilName": "HeadNeck_20",
    "RepetitionTime": 1.5,
    "ScanOptions": "FS",
    "ScanningSequence": "EP",
    "SequenceName": "_epfid2d1_64",
    "SequenceVariant": "SK",
    "SliceTiming": [
      0,
      0.7775,
      0.055,
      0.8325,
      0.11,
      0.89,
      0.1675,
      0.945,
      0.2225,
      1,
      0.2775,
      1.055,
      0.3325,
      1.11,
      0.39,
      1.1675,
      0.445,
      1.2225,
      0.5,
      1.2775,
      0.555,
      1.3325,
      0.61,
      1.3875,
      0.6675,
      1.445,
      0.7225
    ],
    "SoftwareVersions": "syngo_MR_D11",
    "StationName": "AWP45031",
    "TaskDescription": "Passively listened to audio story 'pieman'",
    "TaskName": "pieman",
    "TotalReadoutTime": 0.0245701,
    "dataset": "ds002345",
    "modality": "bold",
    "subject_id": "020",
    "task_id": "pieman"
  },
  "dummy_trs": 1,
  "dvars_nstd": 18.187857512718125,
  "dvars_std": 1.1063659825838927,
  "dvars_vstd": 1.018353824832216,
  "efc": 0.6036670141511699,
  "fber": 1922.456787109375,
  "fd_mean": 0.11957091549342413,
  "fd_num": 20,
  "fd_perc": 6.688963210702341,
  "fwhm_avg": 1.7897669444444446,
  "fwhm_x": 1.7544700000000002,
  "fwhm_y": 1.9884433333333333,
  "fwhm_z": 1.6263875,
  "gcor": 0.00810302,
  "gsr_x": -0.0005830397130921483,
  "gsr_y": 0.03493906185030937,
  "provenance": {
    "md5sum": "ceb98782efca24ff03882a52a9097c91",
    "settings": {
      "fd_thres": 0.2,
      "testing": false
    },
    "software": "mriqc",
    "version": "21.0.0rc2",
    "webapi_port": null,
    "webapi_url": "https://mriqc.nimh.nih.gov/api/v1"
  },
  "size_t": 299,
  "size_x": 64,
  "size_y": 64,
  "size_z": 27,
  "snr": 7.053072029535957,
  "spacing_tr": 1.5,
  "spacing_x": 3.0,
  "spacing_y": 3.0,
  "spacing_z": 4.0,
  "summary_bg_k": 16.344976944298015,
  "summary_bg_mad": 11.102161481959275,
  "summary_bg_mean": 43.40021896362305,
  "summary_bg_median": 15.100334167480469,
  "summary_bg_n": 53688.0,
  "summary_bg_p05": 6.107023239135742,
  "summary_bg_p95": 184.45317306518535,
  "summary_bg_stdv": 77.87898254394531,
  "summary_fg_k": 2.955497008946197,
  "summary_fg_mad": 88.108233770285,
  "summary_fg_mean": 713.0390014648438,
  "summary_fg_median": 703.7692260742188,
  "summary_fg_n": 28589.0,
  "summary_fg_p05": 579.0816040039062,
  "summary_fg_p95": 881.4006469726562,
  "summary_fg_stdv": 99.78019714355469,
  "tsnr": 72.05044690100476
}