{
  "aor": 0.0019135451505016721,
  "aqi": 0.007147356989966555,
  "bids_meta": {
    "CogAtlasID": "https://www.cognitiveatlas.org/task/id/trm_4c8991fadfe01",
    "DeviceSerialNumber": "45031",
    "DwellTime": 5.4e-06,
    "EchoTime": 0.028,
    "EffectiveEchoSpacing": 0.000390001,
    "FlipAngle": 64,
    "InstitutionAddress": "Washington Rd, Princeton, NJ 08540, USA",
    "InstitutionName": "Princeton University",
    "InstitutionalDepartmentName": "Princeton Neuroscience Institute",
    "MagneticFieldStrength": 3,
    "Manufacturer": "Siemens",
    "ManufacturersModelName": "Skyra",
    "NumberOfVolumesDiscardedByScanner": 3,
    "ParallelReductionFactorInPlane": 2,
    "ParallelReductionType": "GRAPPA",
    "PartialFourier": 1,
    "PhaseEncodingDirection": "j-",
    "PixelBandwidth": 1445,
    "PulseSequenceDetails": "%SiemensSeq%_ep2d_bold",
    "PulseSequenceType": "Gradient Echo EPI",
    "ReceiveCoilActiveElements": "HE1-4",
    "ReceiveCoilName": "HeadNeck_20",
    "RepetitionTime": 1.5,
    "ScanOptions": "FS",
    "ScanningSequence": "EP",
    "SequenceName": "_epfid2d1_64",
    "SequenceVariant": "SK",
    "SliceTiming": [
      0,
      0.7775,
      0.055,
      0.8325,
      0.11,
      0.89,
      0.1675,
      0.945,
      0.2225,
      1,
      0.2775,
      1.055,
      0.3325,
      1.11,
      0.39,
      1.1675,
      0.445,
      1.2225,
      0.5,
      1.2775,
      0.555,
      1.3325,
      0.61,
      1.3875,
      0.6675,
      1.445,
      0.7225
    ],
    "SoftwareVersions": "syngo_MR_D11",
    "StationName": "AWP45031",
    "TaskDescription": "Passively listened to audio story 'pieman'",
    "TaskName": "pieman",
    "TotalReadoutTime": 0.0245701,
    "dataset": "ds002345",
    "modality": "bold",
    "run_id": 1,
    "subject_id": "012",
    "task_id": "pieman"
  },
  "dummy_trs": 1,
  "dvars_nstd": 23.85166668714764,
  "dvars_std": 1.3326370875167792,
  "dvars_vstd": 1.0187981863087243,
  "efc": 0.5569753516639171,
  "fber": 2444.1171875,
  "fd_mean": 0.13103237297844905,
  "fd_num": 38,
  "fd_perc": 12.709030100334449,
  "fwhm_avg": 1.7521803575627055,
  "fwhm_x": 1.68265,
  "fwhm_y": 1.9130066666666667,
  "fwhm_z": 1.6608844060214498,
  "gcor": 0.0239146,
  "gsr_x": -0.012190135195851326,
  "gsr_y": 0.03782981261610985,
  "provenance": {
    "md5sum": "737f2b143fd7cd41dbdb8073c5e4da4e",
    "settings": {
      "fd_thres": 0.2,
      "testing": false
    },
    "software": "mriqc",
    "version": "21.0.0rc2",
    "webapi_port": null,
    "webapi_url": "https://mriqc.nimh.nih.gov/api/v1"
  },
  "size_t": 299,
  "size_x": 64,
  "size_y": 64,
  "size_z": 27,
  "snr": 7.114923207040539,
  "spacing_tr": 1.5,
  "spacing_x": 3.0,
  "spacing_y": 3.0,
  "spacing_z": 4.000001430511475,
  "summary_bg_k": 31.158203207466762,
  "summary_bg_mad": 7.993159294927712,
  "summary_bg_mean": 33.983917236328125,
  "summary_bg_median": 13.217391014099121,
  "summary_bg_n": 59564.0,
  "summary_bg_p05": 6.3578596115112305,
  "summary_bg_p95": 122.86287651062003,
  "summary_bg_stdv": 63.955142974853516,
  "summary_fg_k": 2.1743961970820367,
  "summary_fg_mad": 83.96289280784406,
  "summary_fg_mean": 679.5643920898438,
  "summary_fg_median": 668.4699096679688,
  "summary_fg_n": 24454.0,
  "summary_fg_p05": 554.5784057617187,
  "summary_fg_p95": 843.6381408691406,
  "summary_fg_stdv": 93.9512939453125,
  "tsnr": 74.47223617369309
}