{
  "aor": 0.0003971666666666667,
  "aqi": 0.008111273433333333,
  "bids_meta": {
    "CogAtlasID": "https://www.cognitiveatlas.org/task/id/trm_4c8991fadfe01",
    "DeviceSerialNumber": "45031",
    "DwellTime": 5.4e-06,
    "EchoTime": 0.028,
    "EffectiveEchoSpacing": 0.000390001,
    "FlipAngle": 64,
    "InstitutionAddress": "Washington Rd, Princeton, NJ 08540, USA",
    "InstitutionName": "Princeton University",
    "InstitutionalDepartmentName": "Princeton Neuroscience Institute",
    "MagneticFieldStrength": 3,
    "Manufacturer": "Siemens",
    "ManufacturersModelName": "Skyra",
    "NumberOfVolumesDiscardedByScanner": 3,
    "ParallelReductionFactorInPlane": 2,
    "ParallelReductionType": "GRAPPA",
    "PartialFourier": 1,
    "PhaseEncodingDirection": "j-",
    "PixelBandwidth": 1445,
    "PulseSequenceDetails": "%SiemensSeq%_ep2d_bold",
    "PulseSequenceType": "Gradient Echo EPI",
    "ReceiveCoilActiveElements": "HE1-4",
    "ReceiveCoilName": "HeadNeck_20",
    "RepetitionTime": 1.5,
    "ScanOptions": "FS",
    "ScanningSequence": "EP",
    "SequenceName": "_epfid2d1_64",
    "SequenceVariant": "SK",
    "SliceTiming": [
      0,
      0.7775,
      0.055,
      0.8325,
      0.11,
      0.89,
      0.1675,
      0.945,
      0.2225,
      1,
      0.2775,
      1.055,
      0.3325,
      1.11,
      0.39,
      1.1675,
      0.445,
      1.2225,
      0.5,
      1.2775,
      0.555,
      1.3325,
      0.61,
      1.3875,
      0.6675,
      1.445,
      0.7225
    ],
    "SoftwareVersions": "syngo_MR_D11",
    "StationName": "AWP45031",
    "TaskDescription": "Passively listened to audio story 'pieman'",
    "TaskName": "pieman",
    "TotalReadoutTime": 0.0245701,
    "dataset": "ds002345",
    "modality": "bold",
    "run_id": 2,
    "subject_id": "012",
    "task_id": "pieman"
  },
  "dummy_trs": 0,
  "dvars_nstd": 23.037267416923072,
  "dvars_std": 1.2638405687959866,
  "dvars_vstd": 0.9671693004682276,
  "efc": 0.5562220972013455,
  "fber": 2448.62158203125,
  "fd_mean": 0.11121705962129334,
  "fd_num": 6,
  "fd_perc": 2.0,
  "fwhm_avg": 1.775765354840562,
  "fwhm_x": 1.7091866666666666,
  "fwhm_y": 1.9343899999999998,
  "fwhm_z": 1.6837193978550204,
  "gcor": 0.0153746,
  "gsr_x": -0.0130029721185565,
  "gsr_y": 0.038211971521377563,
  "provenance": {
    "md5sum": "8f39eedd4bcafc1d227d2b019b453e07",
    "settings": {
      "fd_thres": 0.2,
      "testing": false
    },
    "software": "mriqc",
    "version": "21.0.0rc2",
    "webapi_port": null,
    "webapi_url": "https://mriqc.nimh.nih.gov/api/v1"
  },
  "size_t": 300,
  "size_x": 64,
  "size_y": 64,
  "size_z": 27,
  "snr": 7.048656508072924,
  "spacing_tr": 1.5,
  "spacing_x": 3.0,
  "spacing_y": 3.0,
  "spacing_z": 4.000001430511475,
  "summary_bg_k": 30.806271226027043,
  "summary_bg_mad": 8.139485840255038,
  "summary_bg_mean": 33.98776626586914,
  "summary_bg_median": 13.253334045410156,
  "summary_bg_n": 59663.0,
  "summary_bg_p05": 6.289999961853027,
  "summary_bg_p95": 123.25766906738268,
  "summary_bg_stdv": 64.5040283203125,
  "summary_fg_k": 2.2809078557597395,
  "summary_fg_mad": 85.36572733496705,
  "summary_fg_mean": 681.218017578125,
  "summary_fg_median": 670.0,
  "summary_fg_n": 24412.0,
  "summary_fg_p05": 553.8836639404296,
  "summary_fg_p95": 847.5396759033204,
  "summary_fg_stdv": 95.05162811279297,
  "tsnr": 72.6543227257207
}