{
  "bids_meta": {
    "DeviceSerialNumber": "45031",
    "DwellTime": 8.2e-06,
    "EchoTime": 0.00308,
    "FlipAngle": 9,
    "InstitutionAddress": "Washington Rd, Princeton, NJ 08540, USA",
    "InstitutionName": "Princeton University",
    "InstitutionalDepartmentName": "Princeton Neuroscience Institute",
    "InversionTime": 0.9,
    "MagneticFieldStrength": 3,
    "Manufacturer": "Siemens",
    "ManufacturersModelName": "Skyra",
    "ParallelReductionFactorInPlane": 2,
    "ParallelReductionType": "GRAPPA",
    "PartialFourier": 1,
    "PixelBandwidth": 240,
    "PulseSequenceDetails": "%SiemensSeq%_tfl",
    "PulseSequenceType": "MPRAGE",
    "ReceiveCoilActiveElements": "HE1-4",
    "ReceiveCoilName": "HeadNeck_20",
    "RepetitionTime": 2.3,
    "ScanOptions": "IR",
    "ScanningSequence": "GR_IR",
    "SequenceName": "_tfl3d1_16ns",
    "SequenceVariant": "SK_SP_MP",
    "SoftwareVersions": "syngo_MR_D11",
    "StationName": "AWP45031",
    "dataset": "ds002345",
    "modality": "T1w",
    "subject_id": "046"
  },
  "cjv": 0.49324428364837036,
  "cnr": 2.6954403746993925,
  "efc": 0.6186682756293049,
  "fber": 832.1622299382717,
  "fwhm_avg": 3.3632869855725556,
  "fwhm_x": 3.426855646336228,
  "fwhm_y": 3.4986705454545457,
  "fwhm_z": 3.164334764926894,
  "icvs_csf": 0.1765354978096525,
  "icvs_gm": 0.4339578232131553,
  "icvs_wm": 0.3895066789771922,
  "inu_med": 1.4364110231399536,
  "inu_range": 0.5917710065841675,
  "provenance": {
    "md5sum": "2e9dd50e4f3d0dfa06f704797055aaaf",
    "settings": {
      "testing": false
    },
    "software": "mriqc",
    "version": "21.0.0rc2",
    "warnings": {
      "large_rot_frame": true,
      "small_air_mask": false
    },
    "webapi_port": null,
    "webapi_url": "https://mriqc.nimh.nih.gov/api/v1"
  },
  "qi_1": 0.00046294664587534544,
  "qi_2": 0.006376694883701035,
  "rpve_csf": 19.129582604471853,
  "rpve_gm": 8.720882039028726,
  "rpve_wm": 11.550391089627526,
  "size_x": 192,
  "size_y": 256,
  "size_z": 256,
  "snr_csf": 2.611529776672707,
  "snr_gm": 8.559341489880266,
  "snr_total": 9.030494944631066,
  "snr_wm": 15.920613567340224,
  "snrd_csf": 19.999286924134605,
  "snrd_gm": 35.47609461747063,
  "snrd_total": 35.015118145815045,
  "snrd_wm": 49.569972895839896,
  "spacing_x": 0.8999999761581421,
  "spacing_y": 0.859375,
  "spacing_z": 0.8593749403953552,
  "summary_bg_k": 8.981400476533784,
  "summary_bg_mad": 13.217123084411226,
  "summary_bg_mean": 22.435504459216727,
  "summary_bg_median": 20.801232777535915,
  "summary_bg_n": 2889398.0,
  "summary_bg_p05": 3.0266343988478184,
  "summary_bg_p95": 47.65573435276747,
  "summary_bg_stdv": 13.795791262924743,
  "summary_csf_k": 36.18230601668616,
  "summary_csf_mad": 127.11282571304129,
  "summary_csf_mean": 397.94997834272704,
  "summary_csf_median": 403.47788022458553,
  "summary_csf_n": 16884.0,
  "summary_csf_p05": 187.76139216125011,
  "summary_csf_p95": 580.5002232415601,
  "summary_csf_stdv": 154.49409580697937,
  "summary_gm_k": 0.15162967345123457,
  "summary_gm_mad": 80.6081333790018,
  "summary_gm_mean": 719.1915606105653,
  "summary_gm_median": 715.716490752995,
  "summary_gm_n": 38753.0,
  "summary_gm_p05": 586.7268356457353,
  "summary_gm_p95": 865.3422894887626,
  "summary_gm_stdv": 83.61709334801375,
  "summary_wm_k": 0.5052259496908516,
  "summary_wm_mad": 59.64022823891732,
  "summary_wm_mean": 999.0218711011274,
  "summary_wm_median": 1000.0550350956619,
  "summary_wm_n": 374645.0,
  "summary_wm_p05": 894.0678014196455,
  "summary_wm_p95": 1099.7688811086118,
  "summary_wm_stdv": 62.81502256144791,
  "tpm_overlap_csf": 0.15721020102500916,
  "tpm_overlap_gm": 0.4354785680770874,
  "tpm_overlap_wm": 0.4771541953086853,
  "wm2max": 0.4975966993947809
}