{
  "aor": 0.0005591999999999999,
  "aqi": 0.005379314266666666,
  "bids_meta": {
    "CogAtlasID": "https://www.cognitiveatlas.org/task/id/trm_4c8991fadfe01",
    "DeviceSerialNumber": "45031",
    "DwellTime": 5.4e-06,
    "EchoTime": 0.028,
    "EffectiveEchoSpacing": 0.000390001,
    "FlipAngle": 64,
    "InstitutionAddress": "Washington Rd, Princeton, NJ 08540, USA",
    "InstitutionName": "Princeton University",
    "InstitutionalDepartmentName": "Princeton Neuroscience Institute",
    "MagneticFieldStrength": 3,
    "Manufacturer": "Siemens",
    "ManufacturersModelName": "Skyra",
    "NumberOfVolumesDiscardedByScanner": 3,
    "ParallelReductionFactorInPlane": 2,
    "ParallelReductionType": "GRAPPA",
    "PartialFourier": 1,
    "PhaseEncodingDirection": "j-",
    "PixelBandwidth": 1445,
    "PulseSequenceDetails": "%SiemensSeq%_ep2d_bold",
    "PulseSequenceType": "Gradient Echo EPI",
    "ReceiveCoilActiveElements": "HE1-4",
    "ReceiveCoilName": "HeadNeck_20",
    "RepetitionTime": 1.5,
    "ScanOptions": "FS",
    "ScanningSequence": "EP",
    "SequenceName": "_epfid2d1_64",
    "SequenceVariant": "SK",
    "SliceTiming": [
      0,
      0.7775,
      0.055,
      0.8325,
      0.11,
      0.89,
      0.1675,
      0.945,
      0.2225,
      1,
      0.2775,
      1.055,
      0.3325,
      1.11,
      0.39,
      1.1675,
      0.445,
      1.2225,
      0.5,
      1.2775,
      0.555,
      1.3325,
      0.61,
      1.3875,
      0.6675,
      1.445,
      0.7225
    ],
    "SoftwareVersions": "syngo_MR_D11",
    "StationName": "AWP45031",
    "TaskDescription": "Passively listened to audio story 'pieman'",
    "TaskName": "pieman",
    "TotalReadoutTime": 0.0245701,
    "dataset": "ds002345",
    "modality": "bold",
    "run_id": 2,
    "subject_id": "010",
    "task_id": "pieman"
  },
  "dummy_trs": 0,
  "dvars_nstd": 23.00832511120402,
  "dvars_std": 1.3290288436789295,
  "dvars_vstd": 0.992457210602007,
  "efc": 0.5825503508639148,
  "fber": 2375.569091796875,
  "fd_mean": 0.08946527529791888,
  "fd_num": 0,
  "fd_perc": 0.0,
  "fwhm_avg": 1.7463698808622665,
  "fwhm_x": 1.6806033333333332,
  "fwhm_y": 1.9615833333333335,
  "fwhm_z": 1.5969229759201335,
  "gcor": 0.0354412,
  "gsr_x": -0.01056125108152628,
  "gsr_y": 0.056487563997507095,
  "provenance": {
    "md5sum": "0db29d3cf52f7106951845d4009f663d",
    "settings": {
      "fd_thres": 0.2,
      "testing": false
    },
    "software": "mriqc",
    "version": "21.0.0rc2",
    "webapi_port": null,
    "webapi_url": "https://mriqc.nimh.nih.gov/api/v1"
  },
  "size_t": 300,
  "size_x": 64,
  "size_y": 64,
  "size_z": 27,
  "snr": 6.737818978112585,
  "spacing_tr": 1.5,
  "spacing_x": 3.0,
  "spacing_y": 3.0,
  "spacing_z": 3.9999988079071045,
  "summary_bg_k": 38.52100086182504,
  "summary_bg_mad": 11.099748628064201,
  "summary_bg_mean": 42.31251525878906,
  "summary_bg_median": 15.126667022705078,
  "summary_bg_n": 55539.0,
  "summary_bg_p05": 6.063333511352539,
  "summary_bg_p95": 160.78366546630855,
  "summary_bg_stdv": 81.99607849121094,
  "summary_fg_k": 1.9071106903929778,
  "summary_fg_mad": 111.35823091414983,
  "summary_fg_mean": 772.804931640625,
  "summary_fg_median": 762.89501953125,
  "summary_fg_n": 27030.0,
  "summary_fg_p05": 618.5245239257813,
  "summary_fg_p95": 961.257681274414,
  "summary_fg_stdv": 113.22371673583984,
  "tsnr": 88.06381281162612
}