{
  "aor": 0.0005213333333333333,
  "aqi": 0.006756839933333333,
  "bids_meta": {
    "CogAtlasID": "https://www.cognitiveatlas.org/task/id/trm_4c8991fadfe01",
    "DeviceSerialNumber": "45031",
    "DwellTime": 5.4e-06,
    "EchoTime": 0.028,
    "EffectiveEchoSpacing": 0.000390001,
    "FlipAngle": 64,
    "InstitutionAddress": "Washington Rd, Princeton, NJ 08540, USA",
    "InstitutionName": "Princeton University",
    "InstitutionalDepartmentName": "Princeton Neuroscience Institute",
    "MagneticFieldStrength": 3,
    "Manufacturer": "Siemens",
    "ManufacturersModelName": "Skyra",
    "NumberOfVolumesDiscardedByScanner": 3,
    "ParallelReductionFactorInPlane": 2,
    "ParallelReductionType": "GRAPPA",
    "PartialFourier": 1,
    "PhaseEncodingDirection": "j-",
    "PixelBandwidth": 1445,
    "PulseSequenceDetails": "%SiemensSeq%_ep2d_bold",
    "PulseSequenceType": "Gradient Echo EPI",
    "ReceiveCoilActiveElements": "HE1-4",
    "ReceiveCoilName": "HeadNeck_20",
    "RepetitionTime": 1.5,
    "ScanOptions": "FS",
    "ScanningSequence": "EP",
    "SequenceName": "_epfid2d1_64",
    "SequenceVariant": "SK",
    "SliceTiming": [
      0,
      0.7775,
      0.055,
      0.8325,
      0.11,
      0.89,
      0.1675,
      0.945,
      0.2225,
      1,
      0.2775,
      1.055,
      0.3325,
      1.11,
      0.39,
      1.1675,
      0.445,
      1.2225,
      0.5,
      1.2775,
      0.555,
      1.3325,
      0.61,
      1.3875,
      0.6675,
      1.445,
      0.7225
    ],
    "SoftwareVersions": "syngo_MR_D11",
    "StationName": "AWP45031",
    "TaskDescription": "Passively listened to audio story 'pieman'",
    "TaskName": "pieman",
    "TotalReadoutTime": 0.0245701,
    "dataset": "ds002345",
    "modality": "bold",
    "run_id": 1,
    "subject_id": "010",
    "task_id": "pieman"
  },
  "dummy_trs": 0,
  "dvars_nstd": 22.49237355270904,
  "dvars_std": 1.309508065217391,
  "dvars_vstd": 0.9837503205351159,
  "efc": 0.5854775245080769,
  "fber": 2225.286376953125,
  "fd_mean": 0.08879212459311157,
  "fd_num": 2,
  "fd_perc": 0.6666666666666666,
  "fwhm_avg": 1.7417137692559403,
  "fwhm_x": 1.6716233333333335,
  "fwhm_y": 1.9615799999999999,
  "fwhm_z": 1.5919379744344873,
  "gcor": 0.0338458,
  "gsr_x": -0.010046067647635937,
  "gsr_y": 0.05528584122657776,
  "provenance": {
    "md5sum": "cb4e17d42373917effafe4443da6b9c5",
    "settings": {
      "fd_thres": 0.2,
      "testing": false
    },
    "software": "mriqc",
    "version": "21.0.0rc2",
    "webapi_port": null,
    "webapi_url": "https://mriqc.nimh.nih.gov/api/v1"
  },
  "size_t": 300,
  "size_x": 64,
  "size_y": 64,
  "size_z": 27,
  "snr": 6.826513835919212,
  "spacing_tr": 1.5,
  "spacing_x": 3.0,
  "spacing_y": 3.0,
  "spacing_z": 3.9999988079071045,
  "summary_bg_k": 33.345607090907436,
  "summary_bg_mad": 12.177106626649646,
  "summary_bg_mean": 43.75920867919922,
  "summary_bg_median": 15.481666564941406,
  "summary_bg_n": 55384.0,
  "summary_bg_p05": 5.766666889190674,
  "summary_bg_p95": 171.9275062561035,
  "summary_bg_stdv": 81.9602279663086,
  "summary_fg_k": 1.786253734938966,
  "summary_fg_mad": 109.39381012188733,
  "summary_fg_mean": 767.1911010742188,
  "summary_fg_median": 757.8016967773438,
  "summary_fg_n": 27114.0,
  "summary_fg_p05": 614.4419982910156,
  "summary_fg_p95": 953.2855194091796,
  "summary_fg_stdv": 111.00654602050781,
  "tsnr": 79.75940099742729
}