{
  "aor": 0.00041359999999999997,
  "aqi": 0.0059080736,
  "bids_meta": {
    "CogAtlasID": "https://www.cognitiveatlas.org/task/id/trm_4c8991fadfe01",
    "DeviceSerialNumber": "45031",
    "DwellTime": 5.4e-06,
    "EchoTime": 0.028,
    "EffectiveEchoSpacing": 0.000390001,
    "FlipAngle": 64,
    "InstitutionAddress": "Washington Rd, Princeton, NJ 08540, USA",
    "InstitutionName": "Princeton University",
    "InstitutionalDepartmentName": "Princeton Neuroscience Institute",
    "MagneticFieldStrength": 3,
    "Manufacturer": "Siemens",
    "ManufacturersModelName": "Skyra",
    "NumberOfVolumesDiscardedByScanner": 3,
    "ParallelReductionFactorInPlane": 2,
    "ParallelReductionType": "GRAPPA",
    "PartialFourier": 1,
    "PhaseEncodingDirection": "j-",
    "PixelBandwidth": 1445,
    "PulseSequenceDetails": "%SiemensSeq%_ep2d_bold",
    "PulseSequenceType": "Gradient Echo EPI",
    "ReceiveCoilActiveElements": "HE1-4",
    "ReceiveCoilName": "HeadNeck_20",
    "RepetitionTime": 1.5,
    "ScanOptions": "FS",
    "ScanningSequence": "EP",
    "SequenceName": "_epfid2d1_64",
    "SequenceVariant": "SK",
    "SliceTiming": [
      0,
      0.7775,
      0.055,
      0.8325,
      0.11,
      0.89,
      0.1675,
      0.945,
      0.2225,
      1,
      0.2775,
      1.055,
      0.3325,
      1.11,
      0.39,
      1.1675,
      0.445,
      1.2225,
      0.5,
      1.2775,
      0.555,
      1.3325,
      0.61,
      1.3875,
      0.6675,
      1.445,
      0.7225
    ],
    "SoftwareVersions": "syngo_MR_D11",
    "StationName": "AWP45031",
    "TaskDescription": "Passively listened to audio story 'pieman'",
    "TaskName": "pieman",
    "TotalReadoutTime": 0.0245701,
    "dataset": "ds002345",
    "modality": "bold",
    "subject_id": "007",
    "task_id": "pieman"
  },
  "dummy_trs": 0,
  "dvars_nstd": 26.925261978929775,
  "dvars_std": 1.199104883913045,
  "dvars_vstd": 0.9911315895317722,
  "efc": 0.6126627031030579,
  "fber": 960.1307983398438,
  "fd_mean": 0.18495312256266055,
  "fd_num": 119,
  "fd_perc": 39.666666666666664,
  "fwhm_avg": 1.6961847222222222,
  "fwhm_x": 1.6278966666666665,
  "fwhm_y": 1.9122899999999998,
  "fwhm_z": 1.5483675,
  "gcor": 0.0109644,
  "gsr_x": -0.001818015705794096,
  "gsr_y": 0.05763533338904381,
  "provenance": {
    "md5sum": "461e02efdc9acdeebc45b8922d2bb3da",
    "settings": {
      "fd_thres": 0.2,
      "testing": false
    },
    "software": "mriqc",
    "version": "21.0.0rc2",
    "webapi_port": null,
    "webapi_url": "https://mriqc.nimh.nih.gov/api/v1"
  },
  "size_t": 300,
  "size_x": 64,
  "size_y": 64,
  "size_z": 27,
  "snr": 6.053651026619617,
  "spacing_tr": 1.5,
  "spacing_x": 3.0,
  "spacing_y": 3.0,
  "spacing_z": 4.0,
  "summary_bg_k": 17.29899798290814,
  "summary_bg_mad": 16.09117769947534,
  "summary_bg_mean": 50.23209762573242,
  "summary_bg_median": 20.470001220703125,
  "summary_bg_n": 53284.0,
  "summary_bg_p05": 7.923333644866943,
  "summary_bg_p95": 192.03683471679682,
  "summary_bg_stdv": 75.26590728759766,
  "summary_fg_k": 2.376928268085332,
  "summary_fg_mad": 96.08744616171374,
  "summary_fg_mean": 694.9357299804688,
  "summary_fg_median": 681.6400146484375,
  "summary_fg_n": 28211.0,
  "summary_fg_p05": 545.0483703613281,
  "summary_fg_p95": 888.0933837890625,
  "summary_fg_stdv": 112.59782409667969,
  "tsnr": 67.93370632454753
}