{
  "bids_meta": {
    "DeviceSerialNumber": "45031",
    "DwellTime": 8.2e-06,
    "EchoTime": 0.00308,
    "FlipAngle": 9,
    "InstitutionAddress": "Washington Rd, Building 25, Princeton, NJ 08540, USA",
    "InstitutionName": "Princeton University",
    "InstitutionalDepartmentName": "Princeton Neuroscience Institute",
    "InversionTime": 0.9,
    "MagneticFieldStrength": 3,
    "Manufacturer": "Siemens",
    "ManufacturersModelName": "Skyra",
    "ParallelReductionFactorInPlane": 2,
    "ParellelReductionType": "TODO",
    "PartialFourier": 1,
    "PixelBandwidth": 240,
    "PulseSequenceDetails": "%SiemensSeq%_tfl",
    "PulseSequenceType": "MPRAGE",
    "ReceiveCoilActiveElements": "HE1-4",
    "ReceiveCoilName": "HeadNeck_20",
    "RepetitionTime": 2.3,
    "ScanOptions": "IR",
    "ScanningSequence": "GR_IR",
    "SequenceName": "_tfl3d1_16ns",
    "SequenceVariant": "SK_SP_MP",
    "SoftwareVersions": "syngo_MR_D11",
    "StationName": "AWP45031",
    "dataset": "ds002345",
    "modality": "T1w",
    "run_id": 1,
    "subject_id": "058"
  },
  "cjv": 0.4142213927708888,
  "cnr": 3.096222655101004,
  "efc": 0.5953338341572033,
  "fber": 1340.536177777778,
  "fwhm_avg": 3.435665390581585,
  "fwhm_x": 3.4327445353811195,
  "fwhm_y": 3.622539636363636,
  "fwhm_z": 3.251712,
  "icvs_csf": 0.19074483984434262,
  "icvs_gm": 0.41243745058627695,
  "icvs_wm": 0.39681770956938045,
  "inu_med": 1.234492540359497,
  "inu_range": 0.42584898471832267,
  "provenance": {
    "md5sum": "f57c2e1a766fc8cfa9c2b46fcbdb17b1",
    "settings": {
      "testing": false
    },
    "software": "mriqc",
    "version": "21.0.0rc2",
    "warnings": {
      "large_rot_frame": true,
      "small_air_mask": false
    },
    "webapi_port": null,
    "webapi_url": "https://mriqc.nimh.nih.gov/api/v1"
  },
  "qi_1": 0.0,
  "qi_2": 0.0037013396750335526,
  "rpve_csf": 21.19268174826793,
  "rpve_gm": 10.573651007481113,
  "rpve_wm": 13.55490593047479,
  "size_x": 192,
  "size_y": 256,
  "size_z": 256,
  "snr_csf": 2.420281231005204,
  "snr_gm": 8.772271777242734,
  "snr_total": 9.71792411085248,
  "snr_wm": 17.9612193243095,
  "snrd_csf": 18.366340306613115,
  "snrd_gm": 39.71773976211267,
  "snrd_total": 38.4391002526684,
  "snrd_wm": 57.23322068927941,
  "spacing_x": 0.8999999761581421,
  "spacing_y": 0.859375,
  "spacing_z": 0.859375,
  "summary_bg_k": 1151.7032848654333,
  "summary_bg_mad": 11.446784713997753,
  "summary_bg_mean": 17.641850923235626,
  "summary_bg_median": 15.687884487211704,
  "summary_bg_n": 3249330.0,
  "summary_bg_p05": 2.6283366680145264,
  "summary_bg_p95": 39.34291449934244,
  "summary_bg_stdv": 20.2989365548073,
  "summary_csf_k": 25.24210091685332,
  "summary_csf_mad": 129.44608671254906,
  "summary_csf_mean": 338.99190598526445,
  "summary_csf_median": 320.9034800603986,
  "summary_csf_n": 15380.0,
  "summary_csf_p05": 169.85625717043877,
  "summary_csf_p95": 543.0841708045452,
  "summary_csf_stdv": 132.5850249496375,
  "summary_gm_k": 0.18814156846336783,
  "summary_gm_mad": 75.13474647379377,
  "summary_gm_mean": 697.9494842526715,
  "summary_gm_median": 693.9630158767104,
  "summary_gm_n": 26309.0,
  "summary_gm_p05": 572.0246215850115,
  "summary_gm_p95": 836.0574669912457,
  "summary_gm_stdv": 79.1071964792131,
  "summary_wm_k": 0.855821521486464,
  "summary_wm_mad": 51.632305518457954,
  "summary_wm_mean": 998.56507006779,
  "summary_wm_median": 999.9999666586518,
  "summary_wm_n": 336072.0,
  "summary_wm_p05": 904.9691690057516,
  "summary_wm_p95": 1085.8315859735012,
  "summary_wm_stdv": 55.67542274414099,
  "tpm_overlap_csf": 0.17139236629009247,
  "tpm_overlap_gm": 0.42059463262557983,
  "tpm_overlap_wm": 0.49277541041374207,
  "wm2max": 0.5228687996564312
}