{
  "bids_meta": {
    "DeviceSerialNumber": "66018",
    "DwellTime": 9.8e-06,
    "EchoTime": 0.00267,
    "FlipAngle": 7,
    "InstitutionAddress": "Washington Rd, Building 25, Princeton, NJ 08540, USA",
    "InstitutionName": "Princeton University",
    "InstitutionalDepartmentName": "Princeton Neuroscience Institute",
    "InversionTime": 1.2,
    "MagneticFieldStrength": 3,
    "Manufacturer": "Siemens",
    "ManufacturersModelName": "Prisma",
    "ParallelReductionFactorInPlane": 2,
    "ParellelReductionType": "TODO",
    "PartialFourier": 1,
    "PixelBandwidth": 200,
    "PulseSequenceDetails": "%SiemensSeq%_tfl",
    "PulseSequenceType": "MPRAGE",
    "ReceiveCoilActiveElements": "HC1-7;NC1",
    "ReceiveCoilName": "HeadNeck_64",
    "RepetitionTime": 2.53,
    "ScanOptions": "IR",
    "ScanningSequence": "GR_IR",
    "SequenceName": "_tfl3d1_16",
    "SequenceVariant": "SK_SP_MP",
    "SoftwareVersions": "syngo_MR_D13D",
    "StationName": "AWP66018",
    "dataset": "ds002345",
    "modality": "T1w",
    "run_id": 2,
    "subject_id": "058"
  },
  "cjv": 0.3801402062772727,
  "cnr": 3.237854334810733,
  "efc": 0.5586773526966506,
  "fber": 406.840140325317,
  "fwhm_avg": 3.7871966666666665,
  "fwhm_x": 3.68863,
  "fwhm_y": 3.78231,
  "fwhm_z": 3.89065,
  "icvs_csf": 0.2034409963033969,
  "icvs_gm": 0.3904201269959765,
  "icvs_wm": 0.4061388767006266,
  "inu_med": 1.0623670816421509,
  "inu_range": 0.4435299158096311,
  "provenance": {
    "md5sum": "4670571cdeb9f24ae0236e1545601fca",
    "settings": {
      "testing": false
    },
    "software": "mriqc",
    "version": "21.0.0rc2",
    "warnings": {
      "large_rot_frame": true,
      "small_air_mask": false
    },
    "webapi_port": null,
    "webapi_url": "https://mriqc.nimh.nih.gov/api/v1"
  },
  "qi_1": 0.0,
  "qi_2": 0.002744624432000171,
  "rpve_csf": 28.32876569917971,
  "rpve_gm": 15.135123915259154,
  "rpve_wm": 18.822435691159956,
  "size_x": 176,
  "size_y": 256,
  "size_z": 256,
  "snr_csf": 4.253168549611013,
  "snr_gm": 10.328933933232914,
  "snr_total": 12.307363417904966,
  "snr_wm": 22.339987770870973,
  "snrd_csf": 15.79683899829606,
  "snrd_gm": 26.458436084397555,
  "snrd_total": 26.258491965028572,
  "snrd_wm": 36.520200812392105,
  "spacing_x": 1.0,
  "spacing_y": 1.0,
  "spacing_z": 1.0,
  "summary_bg_k": 1.398564241307887,
  "summary_bg_mad": 17.939014022556655,
  "summary_bg_mean": 34.30228841604584,
  "summary_bg_median": 32.591906927526,
  "summary_bg_n": 3273137.0,
  "summary_bg_p05": 8.135104730725288,
  "summary_bg_p95": 65.59571789205074,
  "summary_bg_stdv": 17.814555002268737,
  "summary_csf_k": 0.44522532668746173,
  "summary_csf_mad": 91.06912225068123,
  "summary_csf_mean": 418.79152852717283,
  "summary_csf_median": 432.55072685331106,
  "summary_csf_n": 4322.0,
  "summary_csf_p05": 220.37638299502433,
  "summary_csf_p95": 564.56597071141,
  "summary_csf_stdv": 101.6890533114198,
  "summary_gm_k": 0.4561831920822037,
  "summary_gm_mad": 64.50411425132074,
  "summary_gm_mean": 719.0030293565381,
  "summary_gm_median": 724.4877130761743,
  "summary_gm_n": 11860.0,
  "summary_gm_p05": 590.3048242233693,
  "summary_gm_p95": 823.089816332981,
  "summary_gm_stdv": 70.1386197054226,
  "summary_wm_k": 3.5755944502493877,
  "summary_wm_mad": 40.229193148456844,
  "summary_wm_mean": 1001.8006018210012,
  "summary_wm_median": 1000.0000258237123,
  "summary_wm_n": 196345.0,
  "summary_wm_p05": 934.2498439177871,
  "summary_wm_p95": 1072.9070403724909,
  "summary_wm_stdv": 44.7626690550975,
  "tpm_overlap_csf": 0.1580844670534134,
  "tpm_overlap_gm": 0.4205911159515381,
  "tpm_overlap_wm": 0.508309006690979,
  "wm2max": 0.39560441574940897
}