{
  "aor": 0.009060166666666666,
  "aqi": 0.014504448533333332,
  "bids_meta": {
    "CogAtlasID": "https://www.cognitiveatlas.org/task/id/trm_4c8991fadfe01",
    "DeviceSerialNumber": "45031",
    "DwellTime": 5.4e-06,
    "EchoTime": 0.028,
    "EffectiveEchoSpacing": 0.000390001,
    "FlipAngle": 64,
    "InstitutionAddress": "Washington Rd, Princeton, NJ 08540, USA",
    "InstitutionName": "Princeton University",
    "InstitutionalDepartmentName": "Princeton Neuroscience Institute",
    "MagneticFieldStrength": 3,
    "Manufacturer": "Siemens",
    "ManufacturersModelName": "Skyra",
    "NumberOfVolumesDiscardedByScanner": 3,
    "ParallelReductionFactorInPlane": 2,
    "ParallelReductionType": "GRAPPA",
    "PartialFourier": 1,
    "PhaseEncodingDirection": "j-",
    "PixelBandwidth": 1445,
    "PulseSequenceDetails": "%SiemensSeq%_ep2d_bold",
    "PulseSequenceType": "Gradient Echo EPI",
    "ReceiveCoilActiveElements": "HE1-4",
    "ReceiveCoilName": "HeadNeck_20",
    "RepetitionTime": 1.5,
    "ScanOptions": "FS",
    "ScanningSequence": "EP",
    "SequenceName": "_epfid2d1_64",
    "SequenceVariant": "SK",
    "SliceTiming": [
      0,
      0.7775,
      0.055,
      0.8325,
      0.11,
      0.89,
      0.1675,
      0.945,
      0.2225,
      1,
      0.2775,
      1.055,
      0.3325,
      1.11,
      0.39,
      1.1675,
      0.445,
      1.2225,
      0.5,
      1.2775,
      0.555,
      1.3325,
      0.61,
      1.3875,
      0.6675,
      1.445,
      0.7225
    ],
    "SoftwareVersions": "syngo_MR_D11",
    "StationName": "AWP45031",
    "TaskDescription": "Passively listened to audio story 'pieman'",
    "TaskName": "pieman",
    "TotalReadoutTime": 0.0245701,
    "dataset": "ds002345",
    "modality": "bold",
    "subject_id": "074",
    "task_id": "pieman"
  },
  "dummy_trs": 0,
  "dvars_nstd": 23.061746186086975,
  "dvars_std": 1.1123261856856195,
  "dvars_vstd": 0.9983300756521737,
  "efc": 0.6166069851982754,
  "fber": 1491.41796875,
  "fd_mean": 0.2553839410145215,
  "fd_num": 108,
  "fd_perc": 36.0,
  "fwhm_avg": 1.8118230555555555,
  "fwhm_x": 1.7905166666666668,
  "fwhm_y": 1.97881,
  "fwhm_z": 1.6661425,
  "gcor": 0.0376651,
  "gsr_x": -0.005782254971563816,
  "gsr_y": 0.023131584748625755,
  "provenance": {
    "md5sum": "9df51b84a1f8594dc6e82afd148e0425",
    "settings": {
      "fd_thres": 0.2,
      "testing": false
    },
    "software": "mriqc",
    "version": "21.0.0rc2",
    "webapi_port": null,
    "webapi_url": "https://mriqc.nimh.nih.gov/api/v1"
  },
  "size_t": 300,
  "size_x": 64,
  "size_y": 64,
  "size_z": 27,
  "snr": 6.918028361808708,
  "spacing_tr": 1.5,
  "spacing_x": 3.0,
  "spacing_y": 3.0,
  "spacing_z": 4.0,
  "summary_bg_k": 18.636437217959973,
  "summary_bg_mad": 14.623400428575854,
  "summary_bg_mean": 43.40800476074219,
  "summary_bg_median": 19.040000915527344,
  "summary_bg_n": 50878.0,
  "summary_bg_p05": 7.272833514213564,
  "summary_bg_p95": 163.84349822998033,
  "summary_bg_stdv": 66.23974609375,
  "summary_fg_k": 1.366437053531194,
  "summary_fg_mad": 109.72242767294343,
  "summary_fg_mean": 794.6123657226562,
  "summary_fg_median": 785.1683349609375,
  "summary_fg_n": 30648.0,
  "summary_fg_p05": 634.4845245361328,
  "summary_fg_p95": 987.8353485107422,
  "summary_fg_stdv": 113.4941177368164,
  "tsnr": 50.684609902091324
}