{
  "aor": 0.001504821052631579,
  "aqi": 0.01694022732631579,
  "bids_meta": {
    "CogAtlasID": "https://www.cognitiveatlas.org/task/id/trm_4c8991fadfe01",
    "DeviceSerialNumber": "45031",
    "DwellTime": 5.4e-06,
    "EchoTime": 0.028,
    "EffectiveEchoSpacing": 0.000390001,
    "FlipAngle": 64,
    "InstitutionAddress": "Washington Rd, Princeton, NJ 08540, USA",
    "InstitutionName": "Princeton University",
    "InstitutionalDepartmentName": "Princeton Neuroscience Institute",
    "MagneticFieldStrength": 3,
    "Manufacturer": "Siemens",
    "ManufacturersModelName": "Skyra",
    "NumberOfVolumesDiscardedByScanner": 3,
    "ParallelReductionFactorInPlane": 2,
    "ParallelReductionType": "GRAPPA",
    "PartialFourier": 1,
    "PhaseEncodingDirection": "j-",
    "PixelBandwidth": 1445,
    "PulseSequenceDetails": "%SiemensSeq%_ep2d_bold",
    "PulseSequenceType": "Gradient Echo EPI",
    "ReceiveCoilActiveElements": "HE1-4",
    "ReceiveCoilName": "HeadNeck_20",
    "RepetitionTime": 1.5,
    "ScanOptions": "FS",
    "ScanningSequence": "EP",
    "SequenceName": "_epfid2d1_64",
    "SequenceVariant": "SK",
    "SliceTiming": [
      0,
      0.7775,
      0.055,
      0.8325,
      0.11,
      0.8875,
      0.165,
      0.9425,
      0.22,
      0.9975,
      0.2775,
      1.055,
      0.3325,
      1.11,
      0.3875,
      1.165,
      0.4425,
      1.22,
      0.5,
      1.2775,
      0.555,
      1.3325,
      0.61,
      1.3875,
      0.665,
      1.4425,
      0.72
    ],
    "SoftwareVersions": "syngo_MR_D11",
    "StationName": "AWP45031",
    "TaskDescription": "Passively listened to audio story 'prettymouth'",
    "TaskName": "prettymouth",
    "TotalReadoutTime": 0.0245701,
    "dataset": "ds002345",
    "modality": "bold",
    "subject_id": "099",
    "task_id": "prettymouth"
  },
  "dummy_trs": 0,
  "dvars_nstd": 17.855967921919838,
  "dvars_std": 0.9928699739662451,
  "dvars_vstd": 0.9208386632489448,
  "efc": 0.5692088463872814,
  "fber": 2184.1513671875,
  "fd_mean": 0.12898450855803575,
  "fd_num": 38,
  "fd_perc": 8.0,
  "fwhm_avg": 1.7978726941976646,
  "fwhm_x": 1.76005,
  "fwhm_y": 2.00452,
  "fwhm_z": 1.6290480825929936,
  "gcor": 0.0444185,
  "gsr_x": -0.006665915250778198,
  "gsr_y": 0.04076678678393364,
  "provenance": {
    "md5sum": "c59a7281ad80fa520f236da6e8768c03",
    "settings": {
      "fd_thres": 0.2,
      "testing": false
    },
    "software": "mriqc",
    "version": "21.0.0rc2",
    "webapi_port": null,
    "webapi_url": "https://mriqc.nimh.nih.gov/api/v1"
  },
  "size_t": 475,
  "size_x": 64,
  "size_y": 64,
  "size_z": 27,
  "snr": 7.65482561769279,
  "spacing_tr": 1.5,
  "spacing_x": 3.0,
  "spacing_y": 3.0,
  "spacing_z": 3.9999985694885254,
  "summary_bg_k": 37.72743061407611,
  "summary_bg_mad": 11.420718287694312,
  "summary_bg_mean": 41.63589096069336,
  "summary_bg_median": 16.50526237487793,
  "summary_bg_n": 57878.0,
  "summary_bg_p05": 6.966315269470215,
  "summary_bg_p95": 149.22314453125,
  "summary_bg_stdv": 80.12909698486328,
  "summary_fg_k": 2.3107104889428607,
  "summary_fg_mad": 97.88762604659175,
  "summary_fg_mean": 791.4498901367188,
  "summary_fg_median": 786.936767578125,
  "summary_fg_n": 25526.0,
  "summary_fg_p05": 640.4436492919922,
  "summary_fg_p95": 957.3089141845703,
  "summary_fg_stdv": 102.80068969726562,
  "tsnr": 55.441302719991654
}