{
  "aor": 0.002863265993265993,
  "aqi": 0.006274096397306397,
  "bids_meta": {
    "CogAtlasID": "https://www.cognitiveatlas.org/task/id/trm_4c8991fadfe01",
    "DeviceSerialNumber": "45031",
    "DwellTime": 5.4e-06,
    "EchoTime": 0.028,
    "EffectiveEchoSpacing": 0.000390001,
    "FlipAngle": 64,
    "InstitutionAddress": "Washington Rd, Princeton, NJ 08540, USA",
    "InstitutionName": "Princeton University",
    "InstitutionalDepartmentName": "Princeton Neuroscience Institute",
    "MagneticFieldStrength": 3,
    "Manufacturer": "Siemens",
    "ManufacturersModelName": "Skyra",
    "NumberOfVolumesDiscardedByScanner": 3,
    "ParallelReductionFactorInPlane": 2,
    "ParallelReductionType": "GRAPPA",
    "PartialFourier": 1,
    "PhaseEncodingDirection": "j-",
    "PixelBandwidth": 1445,
    "PulseSequenceDetails": "%SiemensSeq%_ep2d_bold",
    "PulseSequenceType": "Gradient Echo EPI",
    "ReceiveCoilActiveElements": "HE1-4",
    "ReceiveCoilName": "HeadNeck_20",
    "RepetitionTime": 1.5,
    "ScanOptions": "FS",
    "ScanningSequence": "EP",
    "SequenceName": "_epfid2d1_64",
    "SequenceVariant": "SK",
    "SliceTiming": [
      0,
      0.7775,
      0.055,
      0.8325,
      0.11,
      0.8875,
      0.165,
      0.9425,
      0.22,
      0.9975,
      0.2775,
      1.055,
      0.3325,
      1.11,
      0.3875,
      1.165,
      0.4425,
      1.22,
      0.5,
      1.2775,
      0.555,
      1.3325,
      0.61,
      1.3875,
      0.665,
      1.4425,
      0.72
    ],
    "SoftwareVersions": "syngo_MR_D11",
    "StationName": "AWP45031",
    "TaskDescription": "Passively listened to audio story 'milkyway'",
    "TaskName": "milkyway",
    "TotalReadoutTime": 0.0245701,
    "dataset": "ds002345",
    "modality": "bold",
    "subject_id": "099",
    "task_id": "milkyway"
  },
  "dummy_trs": 0,
  "dvars_nstd": 17.709540663479743,
  "dvars_std": 1.136370133006756,
  "dvars_vstd": 1.0275947811148656,
  "efc": 0.5685242420041287,
  "fber": 2174.8486328125,
  "fd_mean": 0.1046521958306586,
  "fd_num": 13,
  "fd_perc": 4.377104377104377,
  "fwhm_avg": 1.780652970781859,
  "fwhm_x": 1.7478733333333334,
  "fwhm_y": 1.9750500000000002,
  "fwhm_z": 1.6190355790122435,
  "gcor": 0.05892,
  "gsr_x": -0.006621627137064934,
  "gsr_y": 0.039516400545835495,
  "provenance": {
    "md5sum": "c25c5aefc5889acefe9b41ffefb330d4",
    "settings": {
      "fd_thres": 0.2,
      "testing": false
    },
    "software": "mriqc",
    "version": "21.0.0rc2",
    "webapi_port": null,
    "webapi_url": "https://mriqc.nimh.nih.gov/api/v1"
  },
  "size_t": 297,
  "size_x": 64,
  "size_y": 64,
  "size_z": 27,
  "snr": 7.662858898146357,
  "spacing_tr": 1.5,
  "spacing_x": 3.0,
  "spacing_y": 3.0,
  "spacing_z": 3.9999985694885254,
  "summary_bg_k": 38.08960021715875,
  "summary_bg_mad": 10.842464737635304,
  "summary_bg_mean": 40.97589111328125,
  "summary_bg_median": 16.24242401123047,
  "summary_bg_n": 57916.0,
  "summary_bg_p05": 7.151515007019043,
  "summary_bg_p95": 148.62542343139648,
  "summary_bg_stdv": 79.34819030761719,
  "summary_fg_k": 2.243193493847328,
  "summary_fg_mad": 97.1828379985674,
  "summary_fg_mean": 789.5739135742188,
  "summary_fg_median": 785.6632690429688,
  "summary_fg_n": 25449.0,
  "summary_fg_p05": 640.0498046875,
  "summary_fg_p95": 955.0269165039061,
  "summary_fg_stdv": 102.52672576904297,
  "tsnr": 75.94872834580019
}