{
  "aor": 0.0008577636363636364,
  "aqi": 0.012114588836363637,
  "bids_meta": {
    "AcquisitionMatrixPE": 96,
    "BandwidthPerPixelPhaseEncode": 20.425,
    "BaseResolution": 96,
    "BodyPartExamined": "BRAIN",
    "ConsistencyInfo": "N4_VE11C_LATEST_20160120",
    "ConversionSoftware": "dcm2niix",
    "ConversionSoftwareVersion": "v1.0.20180328 GCC6.3.0",
    "DerivedVendorReportedEchoSpacing": 0.000509996,
    "DeviceSerialNumber": "66018",
    "DwellTime": 2.1e-06,
    "EchoTime": 0.031,
    "EchoTrainLength": 96,
    "EffectiveEchoSpacing": 0.000509996,
    "FlipAngle": 67,
    "ImageOrientationPatientDICOM": [
      1,
      0,
      0,
      0,
      1,
      0
    ],
    "ImageType": [
      "ORIGINAL",
      "PRIMARY",
      "M",
      "ND",
      "NORM",
      "MOSAIC"
    ],
    "InPlanePhaseEncodingDirectionDICOM": "COL",
    "InstitutionAddress": "Washington Rd, Princeton, NJ 08540, USA",
    "InstitutionName": "Princeton University",
    "InstitutionalDepartmentName": "Princeton Neuroscience Institute",
    "MRAcquisitionType": "2D",
    "MagneticFieldStrength": 3,
    "Manufacturer": "Siemens",
    "ManufacturersModelName": "Prisma",
    "Modality": "MR",
    "MultibandAccelerationFactor": 3,
    "NumberOfVolumesDiscardedByScanner": 3,
    "PartialFourier": 1,
    "PatientPosition": "HFS",
    "PercentPhaseFOV": 100,
    "PhaseEncodingDirection": "j-",
    "PhaseEncodingSteps": 96,
    "PhaseResolution": 1,
    "PixelBandwidth": 2480,
    "ProcedureStepDescription": "Hasson_Nastase_042518_Storyteller",
    "ProtocolName": "func_task-black",
    "PulseSequenceDetails": "%SiemensSeq%_ep2d_bold",
    "ReceiveCoilActiveElements": "HC1-7;NC1",
    "ReceiveCoilName": "HeadNeck_64",
    "ReconMatrixPE": 96,
    "RepetitionTime": 1.5,
    "SAR": 0.0431751,
    "ScanOptions": "FS",
    "ScanningSequence": "EP",
    "SequenceName": "_epfid2d1_96",
    "SequenceVariant": "SK",
    "SeriesDescription": "func_task-black",
    "SeriesNumber": 12,
    "ShimSetting": [
      732,
      514,
      2039,
      567,
      -34,
      40,
      60,
      60
    ],
    "SliceThickness": 2.5,
    "SliceTiming": [
      1.1075,
      0,
      0.7375,
      0.0925,
      0.83,
      0.1825,
      0.9225,
      0.275,
      1.015,
      0.46,
      1.2,
      0.5525,
      1.2925,
      0.645,
      1.385,
      0.3675,
      1.1075,
      0,
      0.7375,
      0.0925,
      0.83,
      0.1825,
      0.9225,
      0.275,
      1.015,
      0.46,
      1.2,
      0.5525,
      1.2925,
      0.645,
      1.385,
      0.3675,
      1.1075,
      0,
      0.7375,
      0.0925,
      0.83,
      0.1825,
      0.9225,
      0.275,
      1.015,
      0.46,
      1.2,
      0.5525,
      1.2925,
      0.645,
      1.385,
      0.3675
    ],
    "SoftwareVersions": "syngo_MR_E11",
    "SpacingBetweenSlices": 2.5,
    "StationName": "AWP66018",
    "TaskDescription": "Passively listened to audio story 'black'",
    "TaskName": "black",
    "TotalReadoutTime": 0.0484496,
    "TxRefAmp": 231.4,
    "dataset": "ds002345",
    "modality": "bold",
    "subject_id": "276",
    "task_id": "black"
  },
  "dummy_trs": 0,
  "dvars_nstd": 26.830878356703074,
  "dvars_std": 1.1861020582331507,
  "dvars_vstd": 0.9884387273952638,
  "efc": 0.4724320057011063,
  "fber": 3640.338134765625,
  "fd_mean": 0.14826451107969366,
  "fd_num": 111,
  "fd_perc": 20.181818181818183,
  "fwhm_avg": 1.8378173333333334,
  "fwhm_x": 1.6908,
  "fwhm_y": 1.975084,
  "fwhm_z": 1.847568,
  "gcor": 0.0234798,
  "gsr_x": -0.01672661118209362,
  "gsr_y": 0.029017606750130653,
  "provenance": {
    "md5sum": "d26ac07091905f460ca09528df1ac407",
    "settings": {
      "fd_thres": 0.2,
      "testing": false
    },
    "software": "mriqc",
    "version": "22.0.0rc1",
    "webapi_port": null,
    "webapi_url": "https://mriqc.nimh.nih.gov/api/v1"
  },
  "size_t": 550,
  "size_x": 96,
  "size_y": 96,
  "size_z": 48,
  "snr": 6.1270160386103605,
  "spacing_tr": 1.5,
  "spacing_x": 2.5,
  "spacing_y": 2.5,
  "spacing_z": 2.5,
  "summary_bg_k": 43.85549062718379,
  "summary_bg_mad": 7.779617836934716,
  "summary_bg_mean": 31.701866149902344,
  "summary_bg_median": 12.327272415161133,
  "summary_bg_n": 307580.0,
  "summary_bg_p05": 5.494454550743105,
  "summary_bg_p95": 117.58027458190912,
  "summary_bg_stdv": 63.4208984375,
  "summary_fg_k": 2.4529196922333973,
  "summary_fg_mad": 112.04424210912609,
  "summary_fg_mean": 750.4163208007812,
  "summary_fg_median": 746.0399780273438,
  "summary_fg_n": 72530.0,
  "summary_fg_p05": 579.7611145019531,
  "summary_fg_p95": 943.6274688720703,
  "summary_fg_stdv": 121.76152801513672,
  "tsnr": 53.121391801396385
}