{
  "aor": 0.0004519741100323624,
  "aqi": 0.006780713009708739,
  "bids_meta": {
    "CogAtlasID": "https://www.cognitiveatlas.org/task/id/trm_4c8991fadfe01",
    "DeviceSerialNumber": "66018",
    "DwellTime": 4.2e-06,
    "EchoTime": 0.039,
    "EffectiveEchoSpacing": 0.000929976,
    "FlipAngle": 50,
    "InstitutionAddress": "Washington Rd, Princeton, NJ 08540, USA",
    "InstitutionName": "Princeton University",
    "InstitutionalDepartmentName": "Princeton Neuroscience Institute",
    "MagneticFieldStrength": 3,
    "Manufacturer": "Siemens",
    "ManufacturersModelName": "Prisma",
    "NumberOfVolumesDiscardedByScanner": 3,
    "ParallelReductionType": "GRAPPA",
    "PartialFourier": 0.75,
    "PhaseEncodingDirection": "j-",
    "PixelBandwidth": 1240,
    "PulseSequenceDetails": "%CustomerSeq%_ep2d_bold_sms_mgh_v22",
    "PulseSequenceType": "Gradient Echo EPI",
    "ReceiveCoilActiveElements": "HC1-7;NC1,2",
    "ReceiveCoilName": "HeadNeck_64",
    "RepetitionTime": 1.5,
    "ScanOptions": "PFP_FS",
    "ScanningSequence": "EP",
    "SequenceName": "epfSM2d1_96",
    "SequenceVariant": "SK",
    "SliceTiming": [
      0.6925,
      0,
      0.79,
      0.1,
      0.8875,
      0.1975,
      0.9875,
      0.2975,
      1.085,
      0.395,
      1.185,
      0.495,
      1.2825,
      0.5925,
      1.3825,
      0.6925,
      0,
      0.79,
      0.1,
      0.8875,
      0.1975,
      0.9875,
      0.2975,
      1.085,
      0.395,
      1.185,
      0.495,
      1.2825,
      0.5925,
      1.3825,
      0.6925,
      0,
      0.79,
      0.1,
      0.8875,
      0.1975,
      0.9875,
      0.2975,
      1.085,
      0.395,
      1.185,
      0.495,
      1.2825,
      0.5925,
      1.3825,
      0.6925,
      0,
      0.79,
      0.1,
      0.8875,
      0.1975,
      0.9875,
      0.2975,
      1.085,
      0.395,
      1.185,
      0.495,
      1.2825,
      0.5925,
      1.3825
    ],
    "SoftwareVersions": "syngo_MR_D13D",
    "StationName": "AWP66018",
    "TaskDescription": "Passively listened to audio story 'shapesphysical'",
    "TaskName": "shapesphysical",
    "TotalReadoutTime": 0.0883478,
    "dataset": "ds002345",
    "modality": "bold",
    "subject_id": "252",
    "task_id": "shapesphysical"
  },
  "dummy_trs": 1,
  "dvars_nstd": 32.42222784077923,
  "dvars_std": 1.0873653721753254,
  "dvars_vstd": 0.9765682192532462,
  "efc": 0.5733556738265135,
  "fber": 350.947509765625,
  "fd_mean": 0.061679615717678195,
  "fd_num": 0,
  "fd_perc": 0.0,
  "fwhm_avg": 2.992313333333333,
  "fwhm_x": 2.763435,
  "fwhm_y": 3.241565,
  "fwhm_z": 2.97194,
  "gcor": 0.0233276,
  "gsr_x": -0.008591106161475182,
  "gsr_y": 0.052890148013830185,
  "provenance": {
    "md5sum": "e3728c3e8c4f8ee5160b7ab6ae21041a",
    "settings": {
      "fd_thres": 0.2,
      "testing": false
    },
    "software": "mriqc",
    "version": "22.0.0rc1",
    "webapi_port": null,
    "webapi_url": "https://mriqc.nimh.nih.gov/api/v1"
  },
  "size_t": 309,
  "size_x": 96,
  "size_y": 96,
  "size_z": 60,
  "snr": 2.4372651616694894,
  "spacing_tr": 1.5,
  "spacing_x": 2.0,
  "spacing_y": 2.0,
  "spacing_z": 2.0,
  "summary_bg_k": 63.1226872072626,
  "summary_bg_mad": 6.6885016931245405,
  "summary_bg_mean": 42.893585205078125,
  "summary_bg_median": 25.844661712646484,
  "summary_bg_n": 328905.0,
  "summary_bg_p05": 20.30097198486328,
  "summary_bg_p95": 121.09385681152344,
  "summary_bg_stdv": 54.60763931274414,
  "summary_fg_k": 2.0976416047735986,
  "summary_fg_mad": 185.30849125902955,
  "summary_fg_mean": 531.3394775390625,
  "summary_fg_median": 501.6019592285156,
  "summary_fg_n": 138522.0,
  "summary_fg_p05": 263.47476959228516,
  "summary_fg_p95": 907.9427429199211,
  "summary_fg_stdv": 205.80450439453125,
  "tsnr": 43.68887477181852
}