{
  "aor": 0.0010397297297297299,
  "aqi": 0.005608813716216216,
  "bids_meta": {
    "CogAtlasID": "https://www.cognitiveatlas.org/task/id/trm_4c8991fadfe01",
    "DeviceSerialNumber": "45031",
    "DwellTime": 5.4e-06,
    "EchoTime": 0.028,
    "EffectiveEchoSpacing": 0.000390001,
    "FlipAngle": 64,
    "InstitutionAddress": "Washington Rd, Princeton, NJ 08540, USA",
    "InstitutionName": "Princeton University",
    "InstitutionalDepartmentName": "Princeton Neuroscience Institute",
    "MagneticFieldStrength": 3,
    "Manufacturer": "Siemens",
    "ManufacturersModelName": "Skyra",
    "NumberOfVolumesDiscardedByScanner": 3,
    "ParallelReductionFactorInPlane": 2,
    "ParallelReductionType": "GRAPPA",
    "PartialFourier": 1,
    "PhaseEncodingDirection": "j-",
    "PixelBandwidth": 1445,
    "PulseSequenceDetails": "%SiemensSeq%_ep2d_bold",
    "PulseSequenceType": "Gradient Echo EPI",
    "ReceiveCoilActiveElements": "HE1-4",
    "ReceiveCoilName": "HeadNeck_20",
    "RepetitionTime": 1.52,
    "ScanOptions": "FS",
    "ScanningSequence": "EP",
    "SequenceName": "_epfid2d1_64",
    "SequenceVariant": "SK",
    "SliceTiming": [
      0,
      0.7775,
      0.0575,
      0.835,
      0.1125,
      0.89,
      0.1675,
      0.945,
      0.2225,
      1,
      0.2775,
      1.055,
      0.335,
      1.1125,
      0.39,
      1.1675,
      0.445,
      1.2225,
      0.5,
      1.2775,
      0.5575,
      1.335,
      0.6125,
      1.39,
      0.6675,
      1.445,
      0.7225
    ],
    "SoftwareVersions": "syngo_MR_E11",
    "StationName": "AWP45031",
    "TaskDescription": "Passively listened to audio story 'milkyway'",
    "TaskName": "milkyway",
    "TotalReadoutTime": 0.0245701,
    "dataset": "ds002345",
    "modality": "bold",
    "subject_id": "126",
    "task_id": "milkyway"
  },
  "dummy_trs": 1,
  "dvars_nstd": 20.821743509389822,
  "dvars_std": 1.1129229735593218,
  "dvars_vstd": 1.0166148320000001,
  "efc": 0.5900536275460102,
  "fber": 1708.0703125,
  "fd_mean": 0.15990617127730614,
  "fd_num": 88,
  "fd_perc": 29.72972972972973,
  "fwhm_avg": 1.7827344444444444,
  "fwhm_x": 1.72808,
  "fwhm_y": 2.043223333333333,
  "fwhm_z": 1.5769,
  "gcor": 0.0154823,
  "gsr_x": 0.0017969317268580198,
  "gsr_y": 0.03161488100886345,
  "provenance": {
    "md5sum": "3240848bc5d1be44a1338cd60624b2a2",
    "settings": {
      "fd_thres": 0.2,
      "testing": false
    },
    "software": "mriqc",
    "version": "22.0.0rc1",
    "webapi_port": null,
    "webapi_url": "https://mriqc.nimh.nih.gov/api/v1"
  },
  "size_t": 296,
  "size_x": 64,
  "size_y": 64,
  "size_z": 27,
  "snr": 7.090714115464076,
  "spacing_tr": 1.5199999809265137,
  "spacing_x": 3.0,
  "spacing_y": 3.0,
  "spacing_z": 4.0,
  "summary_bg_k": 13.525867927588681,
  "summary_bg_mad": 11.790695816563867,
  "summary_bg_mean": 43.4001579284668,
  "summary_bg_median": 16.16554069519043,
  "summary_bg_n": 55859.0,
  "summary_bg_p05": 6.783783912658691,
  "summary_bg_p95": 194.43041076660145,
  "summary_bg_stdv": 71.83644104003906,
  "summary_fg_k": 2.2544649564807955,
  "summary_fg_mad": 94.28545645967448,
  "summary_fg_mean": 708.4505004882812,
  "summary_fg_median": 699.8023681640625,
  "summary_fg_n": 26668.0,
  "summary_fg_p05": 572.5238098144531,
  "summary_fg_p95": 868.7973358154295,
  "summary_fg_stdv": 98.6909408569336,
  "tsnr": 74.74238771572709
}