{
  "aor": 0.0015569255663430421,
  "aqi": 0.005426026893203884,
  "bids_meta": {
    "CogAtlasID": "https://www.cognitiveatlas.org/task/id/trm_4c8991fadfe01",
    "DeviceSerialNumber": "66018",
    "DwellTime": 4.2e-06,
    "EchoTime": 0.039,
    "EffectiveEchoSpacing": 0.000929976,
    "FlipAngle": 50,
    "InstitutionAddress": "Washington Rd, Princeton, NJ 08540, USA",
    "InstitutionName": "Princeton University",
    "InstitutionalDepartmentName": "Princeton Neuroscience Institute",
    "MagneticFieldStrength": 3,
    "Manufacturer": "Siemens",
    "ManufacturersModelName": "Prisma",
    "NumberOfVolumesDiscardedByScanner": 3,
    "ParallelReductionType": "GRAPPA",
    "PartialFourier": 0.75,
    "PhaseEncodingDirection": "j-",
    "PixelBandwidth": 1240,
    "PulseSequenceDetails": "%CustomerSeq%_ep2d_bold_sms_mgh_v22",
    "PulseSequenceType": "Gradient Echo EPI",
    "ReceiveCoilActiveElements": "HC1-7;NC1,2",
    "ReceiveCoilName": "HeadNeck_64",
    "RepetitionTime": 1.5,
    "ScanOptions": "PFP_FS",
    "ScanningSequence": "EP",
    "SequenceName": "epfSM2d1_96",
    "SequenceVariant": "SK",
    "SliceTiming": [
      0.6925,
      0,
      0.79,
      0.1,
      0.8875,
      0.1975,
      0.9875,
      0.2975,
      1.085,
      0.395,
      1.185,
      0.495,
      1.2825,
      0.5925,
      1.3825,
      0.6925,
      0,
      0.79,
      0.1,
      0.8875,
      0.1975,
      0.9875,
      0.2975,
      1.085,
      0.395,
      1.185,
      0.495,
      1.2825,
      0.5925,
      1.3825,
      0.6925,
      0,
      0.79,
      0.1,
      0.8875,
      0.1975,
      0.9875,
      0.2975,
      1.085,
      0.395,
      1.185,
      0.495,
      1.2825,
      0.5925,
      1.3825,
      0.6925,
      0,
      0.79,
      0.1,
      0.8875,
      0.1975,
      0.9875,
      0.2975,
      1.085,
      0.395,
      1.185,
      0.495,
      1.2825,
      0.5925,
      1.3825
    ],
    "SoftwareVersions": "syngo_MR_D13D",
    "StationName": "AWP66018",
    "TaskDescription": "Passively listened to audio story 'shapessocial'",
    "TaskName": "shapessocial",
    "TotalReadoutTime": 0.0883478,
    "dataset": "ds002345",
    "modality": "bold",
    "subject_id": "245",
    "task_id": "shapessocial"
  },
  "dummy_trs": 1,
  "dvars_nstd": 32.81485906220781,
  "dvars_std": 1.0746717225649352,
  "dvars_vstd": 1.0051490783766233,
  "efc": 0.5961254444083909,
  "fber": 344.34088134765625,
  "fd_mean": 0.12551670226488323,
  "fd_num": 40,
  "fd_perc": 12.944983818770227,
  "fwhm_avg": 3.10767,
  "fwhm_x": 2.83603,
  "fwhm_y": 3.308455,
  "fwhm_z": 3.178525,
  "gcor": 0.0112546,
  "gsr_x": -0.008420002646744251,
  "gsr_y": 0.0706881433725357,
  "provenance": {
    "md5sum": "35daf6737b3340a11c93a84eccc73665",
    "settings": {
      "fd_thres": 0.2,
      "testing": false
    },
    "software": "mriqc",
    "version": "22.0.0rc1",
    "webapi_port": null,
    "webapi_url": "https://mriqc.nimh.nih.gov/api/v1"
  },
  "size_t": 309,
  "size_x": 96,
  "size_y": 96,
  "size_z": 60,
  "snr": 2.119979090555867,
  "spacing_tr": 1.5,
  "spacing_x": 2.0,
  "spacing_y": 2.0,
  "spacing_z": 2.0,
  "summary_bg_k": 43.010366815341364,
  "summary_bg_mad": 7.317051193230736,
  "summary_bg_mean": 45.99684143066406,
  "summary_bg_median": 26.064725875854492,
  "summary_bg_n": 298996.0,
  "summary_bg_p05": 19.644014358520508,
  "summary_bg_p95": 143.85275268554688,
  "summary_bg_stdv": 54.30430221557617,
  "summary_fg_k": 2.083869554526256,
  "summary_fg_mad": 212.8397918795751,
  "summary_fg_mean": 544.2559204101562,
  "summary_fg_median": 502.95794677734375,
  "summary_fg_n": 162818.0,
  "summary_fg_p05": 250.44919738769534,
  "summary_fg_p95": 982.4712402343749,
  "summary_fg_stdv": 237.2459259033203,
  "tsnr": 38.644634226104245
}