{
  "aor": 0.0002407596153846154,
  "aqi": 0.005339482951923076,
  "bids_meta": {
    "CogAtlasID": "https://www.cognitiveatlas.org/task/id/trm_4c8991fadfe01",
    "DeviceSerialNumber": "45031",
    "DwellTime": 5.4e-06,
    "EchoTime": 0.028,
    "EffectiveEchoSpacing": 0.000390001,
    "FlipAngle": 64,
    "InstitutionAddress": "Washington Rd, Princeton, NJ 08540, USA",
    "InstitutionName": "Princeton University",
    "InstitutionalDepartmentName": "Princeton Neuroscience Institute",
    "MagneticFieldStrength": 3,
    "Manufacturer": "Siemens",
    "ManufacturersModelName": "Skyra",
    "NumberOfVolumesDiscardedByScanner": 3,
    "ParallelReductionFactorInPlane": 2,
    "ParallelReductionType": "GRAPPA",
    "PartialFourier": 1,
    "PhaseEncodingDirection": "j-",
    "PixelBandwidth": 1445,
    "PulseSequenceDetails": "%SiemensSeq%_ep2d_bold",
    "PulseSequenceType": "Gradient Echo EPI",
    "ReceiveCoilActiveElements": "HE1-4",
    "ReceiveCoilName": "HeadNeck_20",
    "RepetitionTime": 1.5,
    "ScanOptions": "FS",
    "ScanningSequence": "EP",
    "SequenceName": "_epfid2d1_64",
    "SequenceVariant": "SK",
    "SliceTiming": [
      0,
      0.7775,
      0.055,
      0.8325,
      0.1125,
      0.89,
      0.1675,
      0.945,
      0.2225,
      1,
      0.2775,
      1.055,
      0.3325,
      1.11,
      0.39,
      1.1675,
      0.445,
      1.2225,
      0.5,
      1.2775,
      0.555,
      1.3325,
      0.6125,
      1.39,
      0.6675,
      1.445,
      0.7225
    ],
    "SoftwareVersions": "syngo_MR_D11",
    "StationName": "AWP45031",
    "TaskDescription": "Passively listened to audio story 'tunnel'",
    "TaskName": "tunnel",
    "TotalReadoutTime": 0.0245701,
    "dataset": "ds002345",
    "modality": "bold",
    "subject_id": "005",
    "task_id": "tunnel"
  },
  "dummy_trs": 0,
  "dvars_nstd": 23.104518679326286,
  "dvars_std": 1.2816991412030792,
  "dvars_vstd": 0.9649697470356102,
  "efc": 0.6411354183624949,
  "fber": 1061.450439453125,
  "fd_mean": 0.06982367025860103,
  "fd_num": 1,
  "fd_perc": 0.09615384615384616,
  "fwhm_avg": 1.78989,
  "fwhm_x": 1.7427633333333334,
  "fwhm_y": 1.9921866666666668,
  "fwhm_z": 1.63472,
  "gcor": 0.130258,
  "gsr_x": -0.009289211593568325,
  "gsr_y": 0.03652644157409668,
  "provenance": {
    "md5sum": "883c31e44e6ce1acdf6bef43a511c7e0",
    "settings": {
      "fd_thres": 0.2,
      "testing": false
    },
    "software": "mriqc",
    "version": "21.0.0rc2",
    "webapi_port": null,
    "webapi_url": "https://mriqc.nimh.nih.gov/api/v1"
  },
  "size_t": 1040,
  "size_x": 64,
  "size_y": 64,
  "size_z": 27,
  "snr": 6.180794466133562,
  "spacing_tr": 1.5,
  "spacing_x": 3.0,
  "spacing_y": 3.0,
  "spacing_z": 4.0,
  "summary_bg_k": 14.375120598792673,
  "summary_bg_mad": 16.79046984179201,
  "summary_bg_mean": 57.22038269042969,
  "summary_bg_median": 20.742307662963867,
  "summary_bg_n": 49673.0,
  "summary_bg_p05": 7.758269119262696,
  "summary_bg_p95": 233.59827575683587,
  "summary_bg_stdv": 88.4071273803711,
  "summary_fg_k": 1.4955666845712932,
  "summary_fg_mad": 115.12835153363218,
  "summary_fg_mean": 741.188720703125,
  "summary_fg_median": 730.7586669921875,
  "summary_fg_n": 32107.0,
  "summary_fg_p05": 575.5482727050781,
  "summary_fg_p95": 942.4278076171871,
  "summary_fg_stdv": 118.22869873046875,
  "tsnr": 68.30488724517636
}