{
  "aor": 0.0009371666666666667,
  "aqi": 0.005400473666666666,
  "bids_meta": {
    "CogAtlasID": "https://www.cognitiveatlas.org/task/id/trm_4c8991fadfe01",
    "DeviceSerialNumber": "45031",
    "DwellTime": 5.4e-06,
    "EchoTime": 0.028,
    "EffectiveEchoSpacing": 0.000390001,
    "FlipAngle": 64,
    "InstitutionAddress": "Washington Rd, Princeton, NJ 08540, USA",
    "InstitutionName": "Princeton University",
    "InstitutionalDepartmentName": "Princeton Neuroscience Institute",
    "MagneticFieldStrength": 3,
    "Manufacturer": "Siemens",
    "ManufacturersModelName": "Skyra",
    "NumberOfVolumesDiscardedByScanner": 3,
    "ParallelReductionFactorInPlane": 2,
    "ParallelReductionType": "GRAPPA",
    "PartialFourier": 1,
    "PhaseEncodingDirection": "j-",
    "PixelBandwidth": 1445,
    "PulseSequenceDetails": "%SiemensSeq%_ep2d_bold",
    "PulseSequenceType": "Gradient Echo EPI",
    "ReceiveCoilActiveElements": "HE1-4",
    "ReceiveCoilName": "HeadNeck_20",
    "RepetitionTime": 1.5,
    "ScanOptions": "FS",
    "ScanningSequence": "EP",
    "SequenceName": "_epfid2d1_64",
    "SequenceVariant": "SK",
    "SliceTiming": [
      0,
      0.7775,
      0.055,
      0.8325,
      0.11,
      0.89,
      0.1675,
      0.945,
      0.2225,
      1,
      0.2775,
      1.055,
      0.3325,
      1.11,
      0.39,
      1.1675,
      0.445,
      1.2225,
      0.5,
      1.2775,
      0.555,
      1.3325,
      0.61,
      1.3875,
      0.6675,
      1.445,
      0.7225
    ],
    "SoftwareVersions": "syngo_MR_D11",
    "StationName": "AWP45031",
    "TaskDescription": "Passively listened to audio story 'pieman'",
    "TaskName": "pieman",
    "TotalReadoutTime": 0.0245701,
    "dataset": "ds002345",
    "modality": "bold",
    "run_id": 1,
    "subject_id": "005",
    "task_id": "pieman"
  },
  "dummy_trs": 0,
  "dvars_nstd": 19.30242040866221,
  "dvars_std": 1.1438868279264214,
  "dvars_vstd": 1.0025340715384612,
  "efc": 0.632083406002907,
  "fber": 1468.3773193359375,
  "fd_mean": 0.058685563429329075,
  "fd_num": 0,
  "fd_perc": 0.0,
  "fwhm_avg": 1.775029476585953,
  "fwhm_x": 1.69198,
  "fwhm_y": 2.0153733333333332,
  "fwhm_z": 1.6177350964245256,
  "gcor": 0.0124207,
  "gsr_x": -0.0058323596604168415,
  "gsr_y": 0.05260526016354561,
  "provenance": {
    "md5sum": "037c0667481c965b2e1e74937b5ae6e5",
    "settings": {
      "fd_thres": 0.2,
      "testing": false
    },
    "software": "mriqc",
    "version": "21.0.0rc2",
    "webapi_port": null,
    "webapi_url": "https://mriqc.nimh.nih.gov/api/v1"
  },
  "size_t": 300,
  "size_x": 64,
  "size_y": 64,
  "size_z": 27,
  "snr": 6.138655286644803,
  "spacing_tr": 1.5,
  "spacing_x": 3.0,
  "spacing_y": 3.0,
  "spacing_z": 3.999999761581421,
  "summary_bg_k": 20.085345672598574,
  "summary_bg_mad": 12.7998003784954,
  "summary_bg_mean": 48.85438919067383,
  "summary_bg_median": 16.886667251586914,
  "summary_bg_n": 50149.0,
  "summary_bg_p05": 6.823333263397217,
  "summary_bg_p95": 199.04867858886703,
  "summary_bg_stdv": 80.13972473144531,
  "summary_fg_k": 1.2965142790366242,
  "summary_fg_mad": 110.79981182904253,
  "summary_fg_mean": 696.2923583984375,
  "summary_fg_median": 684.336669921875,
  "summary_fg_n": 32003.0,
  "summary_fg_p05": 544.6916687011719,
  "summary_fg_p95": 890.4597106933593,
  "summary_fg_stdv": 111.47815704345703,
  "tsnr": 75.04622395907063
}