{
  "aor": 0.0004944666666666667,
  "aqi": 0.005241587233333333,
  "bids_meta": {
    "CogAtlasID": "https://www.cognitiveatlas.org/task/id/trm_4c8991fadfe01",
    "DeviceSerialNumber": "45031",
    "DwellTime": 5.4e-06,
    "EchoTime": 0.028,
    "EffectiveEchoSpacing": 0.000390001,
    "FlipAngle": 64,
    "InstitutionAddress": "Washington Rd, Princeton, NJ 08540, USA",
    "InstitutionName": "Princeton University",
    "InstitutionalDepartmentName": "Princeton Neuroscience Institute",
    "MagneticFieldStrength": 3,
    "Manufacturer": "Siemens",
    "ManufacturersModelName": "Skyra",
    "NumberOfVolumesDiscardedByScanner": 3,
    "ParallelReductionFactorInPlane": 2,
    "ParallelReductionType": "GRAPPA",
    "PartialFourier": 1,
    "PhaseEncodingDirection": "j-",
    "PixelBandwidth": 1445,
    "PulseSequenceDetails": "%SiemensSeq%_ep2d_bold",
    "PulseSequenceType": "Gradient Echo EPI",
    "ReceiveCoilActiveElements": "HE1-4",
    "ReceiveCoilName": "HeadNeck_20",
    "RepetitionTime": 1.5,
    "ScanOptions": "FS",
    "ScanningSequence": "EP",
    "SequenceName": "_epfid2d1_64",
    "SequenceVariant": "SK",
    "SliceTiming": [
      0,
      0.7775,
      0.055,
      0.8325,
      0.11,
      0.89,
      0.1675,
      0.945,
      0.2225,
      1,
      0.2775,
      1.055,
      0.3325,
      1.11,
      0.39,
      1.1675,
      0.445,
      1.2225,
      0.5,
      1.2775,
      0.555,
      1.3325,
      0.61,
      1.3875,
      0.6675,
      1.445,
      0.7225
    ],
    "SoftwareVersions": "syngo_MR_D11",
    "StationName": "AWP45031",
    "TaskDescription": "Passively listened to audio story 'pieman'",
    "TaskName": "pieman",
    "TotalReadoutTime": 0.0245701,
    "dataset": "ds002345",
    "modality": "bold",
    "run_id": 2,
    "subject_id": "005",
    "task_id": "pieman"
  },
  "dummy_trs": 0,
  "dvars_nstd": 19.982516330200667,
  "dvars_std": 1.1514059810367894,
  "dvars_vstd": 0.9969935173578591,
  "efc": 0.6334234732529953,
  "fber": 1471.25390625,
  "fd_mean": 0.06385112625536203,
  "fd_num": 2,
  "fd_perc": 0.6666666666666666,
  "fwhm_avg": 1.7760711434134528,
  "fwhm_x": 1.6938333333333333,
  "fwhm_y": 2.00855,
  "fwhm_z": 1.6258300969070254,
  "gcor": 0.0572361,
  "gsr_x": -0.005628421436995268,
  "gsr_y": 0.051997680217027664,
  "provenance": {
    "md5sum": "619b20b467fb3ee55d813e84a8d6bdc3",
    "settings": {
      "fd_thres": 0.2,
      "testing": false
    },
    "software": "mriqc",
    "version": "21.0.0rc2",
    "webapi_port": null,
    "webapi_url": "https://mriqc.nimh.nih.gov/api/v1"
  },
  "size_t": 300,
  "size_x": 64,
  "size_y": 64,
  "size_z": 27,
  "snr": 6.18584773608476,
  "spacing_tr": 1.5,
  "spacing_x": 3.0,
  "spacing_y": 3.0,
  "spacing_z": 3.999999761581421,
  "summary_bg_k": 18.688716071121934,
  "summary_bg_mad": 12.085679046813642,
  "summary_bg_mean": 49.600032806396484,
  "summary_bg_median": 16.741666793823242,
  "summary_bg_n": 50116.0,
  "summary_bg_p05": 7.229166746139526,
  "summary_bg_p95": 203.33166885375977,
  "summary_bg_stdv": 81.22605895996094,
  "summary_fg_k": 1.24616628070787,
  "summary_fg_mad": 109.45068362617997,
  "summary_fg_mean": 696.2398681640625,
  "summary_fg_median": 684.7999877929688,
  "summary_fg_n": 32110.0,
  "summary_fg_p05": 545.386019897461,
  "summary_fg_p95": 888.5070159912109,
  "summary_fg_stdv": 110.70258331298828,
  "tsnr": 77.66508973250166
}