{
  "aor": 0.004131138211382114,
  "aqi": 0.011564087967479677,
  "bids_meta": {
    "CogAtlasID": "https://www.cognitiveatlas.org/task/id/trm_4c8991fadfe01",
    "DeviceSerialNumber": "66018",
    "DwellTime": 4.2e-06,
    "EchoTime": 0.039,
    "EffectiveEchoSpacing": 0.000929976,
    "FlipAngle": 50,
    "InstitutionAddress": "Washington Rd, Princeton, NJ 08540, USA",
    "InstitutionName": "Princeton University",
    "InstitutionalDepartmentName": "Princeton Neuroscience Institute",
    "MagneticFieldStrength": 3,
    "Manufacturer": "Siemens",
    "ManufacturersModelName": "Prisma",
    "NumberOfVolumesDiscardedByScanner": 3,
    "ParallelReductionType": "GRAPPA",
    "PartialFourier": 0.75,
    "PhaseEncodingDirection": "j-",
    "PixelBandwidth": 1240,
    "PulseSequenceDetails": "%CustomerSeq%_ep2d_bold_sms_mgh_v22",
    "PulseSequenceType": "Gradient Echo EPI",
    "ReceiveCoilActiveElements": "HC1-7;NC1,2",
    "ReceiveCoilName": "HeadNeck_64",
    "RepetitionTime": 1.5,
    "ScanOptions": "PFP_FS",
    "ScanningSequence": "EP",
    "SequenceName": "epfSM2d1_96",
    "SequenceVariant": "SK",
    "SliceTiming": [
      0.6925,
      0,
      0.79,
      0.1,
      0.8875,
      0.1975,
      0.9875,
      0.2975,
      1.085,
      0.395,
      1.185,
      0.495,
      1.2825,
      0.5925,
      1.3825,
      0.6925,
      0,
      0.79,
      0.1,
      0.8875,
      0.1975,
      0.9875,
      0.2975,
      1.085,
      0.395,
      1.185,
      0.495,
      1.2825,
      0.5925,
      1.3825,
      0.6925,
      0,
      0.79,
      0.1,
      0.8875,
      0.1975,
      0.9875,
      0.2975,
      1.085,
      0.395,
      1.185,
      0.495,
      1.2825,
      0.5925,
      1.3825,
      0.6925,
      0,
      0.79,
      0.1,
      0.8875,
      0.1975,
      0.9875,
      0.2975,
      1.085,
      0.395,
      1.185,
      0.495,
      1.2825,
      0.5925,
      1.3825
    ],
    "SoftwareVersions": "syngo_MR_D13D",
    "StationName": "AWP66018",
    "TaskDescription": "Passively listened to audio story 'schema'",
    "TaskName": "schema",
    "TotalReadoutTime": 0.0883478,
    "dataset": "ds002345",
    "modality": "bold",
    "run_id": 1,
    "subject_id": "200",
    "task_id": "schema"
  },
  "dummy_trs": 1,
  "dvars_nstd": 32.890470990386966,
  "dvars_std": 0.9855132537067227,
  "dvars_vstd": 0.9590706650101822,
  "efc": 0.5495690005798631,
  "fber": 426.70361328125,
  "fd_mean": 0.1902369427209907,
  "fd_num": 77,
  "fd_perc": 15.65040650406504,
  "fwhm_avg": 2.8071566666666663,
  "fwhm_x": 2.64754,
  "fwhm_y": 2.938655,
  "fwhm_z": 2.835275,
  "gcor": 0.019411,
  "gsr_x": 0.007262089289724827,
  "gsr_y": 0.04623187705874443,
  "provenance": {
    "md5sum": "14c777d0217571a60cd6f7da78fbac29",
    "settings": {
      "fd_thres": 0.2,
      "testing": false
    },
    "software": "mriqc",
    "version": "22.0.0rc1",
    "webapi_port": null,
    "webapi_url": "https://mriqc.nimh.nih.gov/api/v1"
  },
  "size_t": 492,
  "size_x": 96,
  "size_y": 96,
  "size_z": 60,
  "snr": 2.303427946970699,
  "spacing_tr": 1.5,
  "spacing_x": 2.0,
  "spacing_y": 2.0,
  "spacing_z": 2.0,
  "summary_bg_k": 48.586585427695255,
  "summary_bg_mad": 6.686776711142713,
  "summary_bg_mean": 39.20526123046875,
  "summary_bg_median": 23.876014709472656,
  "summary_bg_n": 337900.0,
  "summary_bg_p05": 17.92276382446289,
  "summary_bg_p95": 107.82784194946275,
  "summary_bg_stdv": 52.476951599121094,
  "summary_fg_k": 6.379368620565508,
  "summary_fg_mad": 178.18946234163397,
  "summary_fg_mean": 539.53857421875,
  "summary_fg_median": 504.1666259765625,
  "summary_fg_n": 132608.0,
  "summary_fg_p05": 277.96299896240237,
  "summary_fg_p95": 929.8189697265625,
  "summary_fg_stdv": 218.87583923339844,
  "tsnr": 31.077892436645925
}