{
  "aor": 0.008733512974051899,
  "aqi": 0.013180480698602797,
  "bids_meta": {
    "CogAtlasID": "https://www.cognitiveatlas.org/task/id/trm_4c8991fadfe01",
    "DeviceSerialNumber": "66018",
    "DwellTime": 4.2e-06,
    "EchoTime": 0.039,
    "EffectiveEchoSpacing": 0.000929976,
    "FlipAngle": 50,
    "InstitutionAddress": "Washington Rd, Princeton, NJ 08540, USA",
    "InstitutionName": "Princeton University",
    "InstitutionalDepartmentName": "Princeton Neuroscience Institute",
    "MagneticFieldStrength": 3,
    "Manufacturer": "Siemens",
    "ManufacturersModelName": "Prisma",
    "NumberOfVolumesDiscardedByScanner": 3,
    "ParallelReductionType": "GRAPPA",
    "PartialFourier": 0.75,
    "PhaseEncodingDirection": "j-",
    "PixelBandwidth": 1240,
    "PulseSequenceDetails": "%CustomerSeq%_ep2d_bold_sms_mgh_v22",
    "PulseSequenceType": "Gradient Echo EPI",
    "ReceiveCoilActiveElements": "HC1-7;NC1,2",
    "ReceiveCoilName": "HeadNeck_64",
    "RepetitionTime": 1.5,
    "ScanOptions": "PFP_FS",
    "ScanningSequence": "EP",
    "SequenceName": "epfSM2d1_96",
    "SequenceVariant": "SK",
    "SliceTiming": [
      0.6925,
      0,
      0.79,
      0.1,
      0.8875,
      0.1975,
      0.9875,
      0.2975,
      1.085,
      0.395,
      1.185,
      0.495,
      1.2825,
      0.5925,
      1.3825,
      0.6925,
      0,
      0.79,
      0.1,
      0.8875,
      0.1975,
      0.9875,
      0.2975,
      1.085,
      0.395,
      1.185,
      0.495,
      1.2825,
      0.5925,
      1.3825,
      0.6925,
      0,
      0.79,
      0.1,
      0.8875,
      0.1975,
      0.9875,
      0.2975,
      1.085,
      0.395,
      1.185,
      0.495,
      1.2825,
      0.5925,
      1.3825,
      0.6925,
      0,
      0.79,
      0.1,
      0.8875,
      0.1975,
      0.9875,
      0.2975,
      1.085,
      0.395,
      1.185,
      0.495,
      1.2825,
      0.5925,
      1.3825
    ],
    "SoftwareVersions": "syngo_MR_D13D",
    "StationName": "AWP66018",
    "TaskDescription": "Passively listened to audio story 'schema'",
    "TaskName": "schema",
    "TotalReadoutTime": 0.0883478,
    "dataset": "ds002345",
    "modality": "bold",
    "run_id": 4,
    "subject_id": "200",
    "task_id": "schema"
  },
  "dummy_trs": 1,
  "dvars_nstd": 36.922592422379964,
  "dvars_std": 1.0174334897600001,
  "dvars_vstd": 1.0011241219600004,
  "efc": 0.5517754678180631,
  "fber": 409.0989074707031,
  "fd_mean": 0.21487370926107838,
  "fd_num": 89,
  "fd_perc": 17.764471057884233,
  "fwhm_avg": 2.8755,
  "fwhm_x": 2.69421,
  "fwhm_y": 2.99419,
  "fwhm_z": 2.9381,
  "gcor": 0.0690617,
  "gsr_x": 0.0056816390715539455,
  "gsr_y": 0.04566550999879837,
  "provenance": {
    "md5sum": "c179cc570ed5619bc6c0e0a1a2adfa6b",
    "settings": {
      "fd_thres": 0.2,
      "testing": false
    },
    "software": "mriqc",
    "version": "22.0.0rc1",
    "webapi_port": null,
    "webapi_url": "https://mriqc.nimh.nih.gov/api/v1"
  },
  "size_t": 501,
  "size_x": 96,
  "size_y": 96,
  "size_z": 60,
  "snr": 2.238913542697782,
  "spacing_tr": 1.5,
  "spacing_x": 2.0,
  "spacing_y": 2.0,
  "spacing_z": 2.0,
  "summary_bg_k": 44.79623688985224,
  "summary_bg_mad": 6.5341016665544,
  "summary_bg_mean": 41.382476806640625,
  "summary_bg_median": 24.53093719482422,
  "summary_bg_n": 336623.0,
  "summary_bg_p05": 18.96207618713379,
  "summary_bg_p95": 118.74051666259766,
  "summary_bg_stdv": 55.31818771362305,
  "summary_fg_k": 6.5894259068200185,
  "summary_fg_mad": 182.685613738071,
  "summary_fg_mean": 545.801513671875,
  "summary_fg_median": 507.01995849609375,
  "summary_fg_n": 133233.0,
  "summary_fg_p05": 279.6091796875,
  "summary_fg_p95": 952.5944213867188,
  "summary_fg_stdv": 226.45718383789062,
  "tsnr": 28.317599616246298
}