{
  "aor": 0.0013290614886731392,
  "aqi": 0.007393586957928801,
  "bids_meta": {
    "CogAtlasID": "https://www.cognitiveatlas.org/task/id/trm_4c8991fadfe01",
    "DeviceSerialNumber": "66018",
    "DwellTime": 4.2e-06,
    "EchoTime": 0.039,
    "EffectiveEchoSpacing": 0.000929976,
    "FlipAngle": 50,
    "InstitutionAddress": "Washington Rd, Princeton, NJ 08540, USA",
    "InstitutionName": "Princeton University",
    "InstitutionalDepartmentName": "Princeton Neuroscience Institute",
    "MagneticFieldStrength": 3,
    "Manufacturer": "Siemens",
    "ManufacturersModelName": "Prisma",
    "NumberOfVolumesDiscardedByScanner": 3,
    "ParallelReductionType": "GRAPPA",
    "PartialFourier": 0.75,
    "PhaseEncodingDirection": "j-",
    "PixelBandwidth": 1240,
    "PulseSequenceDetails": "%CustomerSeq%_ep2d_bold_sms_mgh_v22",
    "PulseSequenceType": "Gradient Echo EPI",
    "ReceiveCoilActiveElements": "HC1-7;NC1,2",
    "ReceiveCoilName": "HeadNeck_64",
    "RepetitionTime": 1.5,
    "ScanOptions": "PFP_FS",
    "ScanningSequence": "EP",
    "SequenceName": "epfSM2d1_96",
    "SequenceVariant": "SK",
    "SliceTiming": [
      0.6925,
      0,
      0.79,
      0.1,
      0.8875,
      0.1975,
      0.9875,
      0.2975,
      1.085,
      0.395,
      1.185,
      0.495,
      1.2825,
      0.5925,
      1.3825,
      0.6925,
      0,
      0.79,
      0.1,
      0.8875,
      0.1975,
      0.9875,
      0.2975,
      1.085,
      0.395,
      1.185,
      0.495,
      1.2825,
      0.5925,
      1.3825,
      0.6925,
      0,
      0.79,
      0.1,
      0.8875,
      0.1975,
      0.9875,
      0.2975,
      1.085,
      0.395,
      1.185,
      0.495,
      1.2825,
      0.5925,
      1.3825,
      0.6925,
      0,
      0.79,
      0.1,
      0.8875,
      0.1975,
      0.9875,
      0.2975,
      1.085,
      0.395,
      1.185,
      0.495,
      1.2825,
      0.5925,
      1.3825
    ],
    "SoftwareVersions": "syngo_MR_D13D",
    "StationName": "AWP66018",
    "TaskDescription": "Passively listened to audio story 'shapessocial'",
    "TaskName": "shapessocial",
    "TotalReadoutTime": 0.0883478,
    "dataset": "ds002345",
    "modality": "bold",
    "subject_id": "239",
    "task_id": "shapessocial"
  },
  "dummy_trs": 1,
  "dvars_nstd": 38.214610700454514,
  "dvars_std": 1.1087970649675325,
  "dvars_vstd": 0.9988210355194799,
  "efc": 0.6282162765093886,
  "fber": 227.2898712158203,
  "fd_mean": 0.14622846033701628,
  "fd_num": 64,
  "fd_perc": 20.71197411003236,
  "fwhm_avg": 2.954561726754411,
  "fwhm_x": 2.626525,
  "fwhm_y": 3.212845,
  "fwhm_z": 3.024315180263232,
  "gcor": 0.0117038,
  "gsr_x": 0.004881660453975201,
  "gsr_y": 0.09069905430078506,
  "provenance": {
    "md5sum": "2cc26a8b7107364f6c8d3bb03bb1be76",
    "settings": {
      "fd_thres": 0.2,
      "testing": false
    },
    "software": "mriqc",
    "version": "22.0.0rc1",
    "webapi_port": null,
    "webapi_url": "https://mriqc.nimh.nih.gov/api/v1"
  },
  "size_t": 309,
  "size_x": 96,
  "size_y": 96,
  "size_z": 60,
  "snr": 2.3597015844464444,
  "spacing_tr": 1.5,
  "spacing_x": 2.0,
  "spacing_y": 2.0,
  "spacing_z": 1.9999998807907104,
  "summary_bg_k": 25.45461307937402,
  "summary_bg_mad": 10.925196004619481,
  "summary_bg_mean": 55.055442810058594,
  "summary_bg_median": 29.278318405151367,
  "summary_bg_n": 295992.0,
  "summary_bg_p05": 20.025890350341797,
  "summary_bg_p95": 186.95469665527344,
  "summary_bg_stdv": 66.69974517822266,
  "summary_fg_k": 2.3070124834283066,
  "summary_fg_mad": 175.5180590980391,
  "summary_fg_mean": 495.7710876464844,
  "summary_fg_median": 466.5728454589844,
  "summary_fg_n": 161179.0,
  "summary_fg_p05": 241.1705535888672,
  "summary_fg_p95": 856.7262695312501,
  "summary_fg_stdv": 197.72474670410156,
  "tsnr": 35.39389753341675
}