{
  "aor": 0.0010255339805825244,
  "aqi": 0.01028591203883495,
  "bids_meta": {
    "CogAtlasID": "https://www.cognitiveatlas.org/task/id/trm_4c8991fadfe01",
    "DeviceSerialNumber": "66018",
    "DwellTime": 4.2e-06,
    "EchoTime": 0.039,
    "EffectiveEchoSpacing": 0.000929976,
    "FlipAngle": 50,
    "InstitutionAddress": "Washington Rd, Princeton, NJ 08540, USA",
    "InstitutionName": "Princeton University",
    "InstitutionalDepartmentName": "Princeton Neuroscience Institute",
    "MagneticFieldStrength": 3,
    "Manufacturer": "Siemens",
    "ManufacturersModelName": "Prisma",
    "NumberOfVolumesDiscardedByScanner": 3,
    "ParallelReductionType": "GRAPPA",
    "PartialFourier": 0.75,
    "PhaseEncodingDirection": "j-",
    "PixelBandwidth": 1240,
    "PulseSequenceDetails": "%CustomerSeq%_ep2d_bold_sms_mgh_v22",
    "PulseSequenceType": "Gradient Echo EPI",
    "ReceiveCoilActiveElements": "HC1-7;NC1,2",
    "ReceiveCoilName": "HeadNeck_64",
    "RepetitionTime": 1.5,
    "ScanOptions": "PFP_FS",
    "ScanningSequence": "EP",
    "SequenceName": "epfSM2d1_96",
    "SequenceVariant": "SK",
    "SliceTiming": [
      0.6925,
      0,
      0.79,
      0.1,
      0.8875,
      0.1975,
      0.9875,
      0.2975,
      1.085,
      0.395,
      1.185,
      0.495,
      1.2825,
      0.5925,
      1.3825,
      0.6925,
      0,
      0.79,
      0.1,
      0.8875,
      0.1975,
      0.9875,
      0.2975,
      1.085,
      0.395,
      1.185,
      0.495,
      1.2825,
      0.5925,
      1.3825,
      0.6925,
      0,
      0.79,
      0.1,
      0.8875,
      0.1975,
      0.9875,
      0.2975,
      1.085,
      0.395,
      1.185,
      0.495,
      1.2825,
      0.5925,
      1.3825,
      0.6925,
      0,
      0.79,
      0.1,
      0.8875,
      0.1975,
      0.9875,
      0.2975,
      1.085,
      0.395,
      1.185,
      0.495,
      1.2825,
      0.5925,
      1.3825
    ],
    "SoftwareVersions": "syngo_MR_D13D",
    "StationName": "AWP66018",
    "TaskDescription": "Passively listened to audio story 'shapesphysical'",
    "TaskName": "shapesphysical",
    "TotalReadoutTime": 0.0883478,
    "dataset": "ds002345",
    "modality": "bold",
    "subject_id": "239",
    "task_id": "shapesphysical"
  },
  "dummy_trs": 1,
  "dvars_nstd": 35.519436861136356,
  "dvars_std": 1.033931460064935,
  "dvars_vstd": 0.9577748316558445,
  "efc": 0.6260226211125556,
  "fber": 231.77586364746094,
  "fd_mean": 0.12627729506875265,
  "fd_num": 27,
  "fd_perc": 8.737864077669903,
  "fwhm_avg": 2.963053393391275,
  "fwhm_x": 2.620235,
  "fwhm_y": 3.24611,
  "fwhm_z": 3.0228151801738252,
  "gcor": 0.0176561,
  "gsr_x": 0.0030614230781793594,
  "gsr_y": 0.08616972714662552,
  "provenance": {
    "md5sum": "98e7806592a6dcd4ca6faf214aff2124",
    "settings": {
      "fd_thres": 0.2,
      "testing": false
    },
    "software": "mriqc",
    "version": "22.0.0rc1",
    "webapi_port": null,
    "webapi_url": "https://mriqc.nimh.nih.gov/api/v1"
  },
  "size_t": 309,
  "size_x": 96,
  "size_y": 96,
  "size_z": 60,
  "snr": 2.360987287993546,
  "spacing_tr": 1.5,
  "spacing_x": 2.0,
  "spacing_y": 2.0,
  "spacing_z": 1.9999998807907104,
  "summary_bg_k": 26.42719943596074,
  "summary_bg_mad": 11.381012595879817,
  "summary_bg_mean": 53.95802688598633,
  "summary_bg_median": 29.466020584106445,
  "summary_bg_n": 295367.0,
  "summary_bg_p05": 19.802589416503906,
  "summary_bg_p95": 180.53106994628916,
  "summary_bg_stdv": 64.3343734741211,
  "summary_fg_k": 2.375319560916343,
  "summary_fg_mad": 177.05821350227282,
  "summary_fg_mean": 501.69329833984375,
  "summary_fg_median": 471.80908203125,
  "summary_fg_n": 161613.0,
  "summary_fg_p05": 246.1378662109375,
  "summary_fg_p95": 868.4796508789062,
  "summary_fg_stdv": 199.8348846435547,
  "tsnr": 32.23835148499347
}