{
  "aor": 0.0004393666666666667,
  "aqi": 0.0072876523333333335,
  "bids_meta": {
    "CogAtlasID": "https://www.cognitiveatlas.org/task/id/trm_4c8991fadfe01",
    "DeviceSerialNumber": "45031",
    "DwellTime": 5.4e-06,
    "EchoTime": 0.028,
    "EffectiveEchoSpacing": 0.000390001,
    "FlipAngle": 64,
    "InstitutionAddress": "Washington Rd, Princeton, NJ 08540, USA",
    "InstitutionName": "Princeton University",
    "InstitutionalDepartmentName": "Princeton Neuroscience Institute",
    "MagneticFieldStrength": 3,
    "Manufacturer": "Siemens",
    "ManufacturersModelName": "Skyra",
    "NumberOfVolumesDiscardedByScanner": 3,
    "ParallelReductionFactorInPlane": 2,
    "ParallelReductionType": "GRAPPA",
    "PartialFourier": 1,
    "PhaseEncodingDirection": "j-",
    "PixelBandwidth": 1445,
    "PulseSequenceDetails": "%SiemensSeq%_ep2d_bold",
    "PulseSequenceType": "Gradient Echo EPI",
    "ReceiveCoilActiveElements": "HE1-4",
    "ReceiveCoilName": "HeadNeck_20",
    "RepetitionTime": 1.5,
    "ScanOptions": "FS",
    "ScanningSequence": "EP",
    "SequenceName": "_epfid2d1_64",
    "SequenceVariant": "SK",
    "SliceTiming": [
      0,
      0.7775,
      0.055,
      0.8325,
      0.11,
      0.89,
      0.1675,
      0.945,
      0.2225,
      1,
      0.2775,
      1.055,
      0.3325,
      1.11,
      0.39,
      1.1675,
      0.445,
      1.2225,
      0.5,
      1.2775,
      0.555,
      1.3325,
      0.61,
      1.3875,
      0.6675,
      1.445,
      0.7225
    ],
    "SoftwareVersions": "syngo_MR_D11",
    "StationName": "AWP45031",
    "TaskDescription": "Passively listened to audio story 'pieman'",
    "TaskName": "pieman",
    "TotalReadoutTime": 0.0245701,
    "dataset": "ds002345",
    "modality": "bold",
    "subject_id": "040",
    "task_id": "pieman"
  },
  "dummy_trs": 0,
  "dvars_nstd": 20.04946314484949,
  "dvars_std": 1.080676183879598,
  "dvars_vstd": 0.9688744219397997,
  "efc": 0.5857086337993794,
  "fber": 1738.7208251953125,
  "fd_mean": 0.17942391166059093,
  "fd_num": 121,
  "fd_perc": 40.333333333333336,
  "fwhm_avg": 1.8380930555555555,
  "fwhm_x": 1.8099,
  "fwhm_y": 2.0513766666666666,
  "fwhm_z": 1.6530025,
  "gcor": 0.0151148,
  "gsr_x": 0.015970610082149506,
  "gsr_y": 0.01962919905781746,
  "provenance": {
    "md5sum": "f63bf5598aa1603a2ec29bf1a36af20e",
    "settings": {
      "fd_thres": 0.2,
      "testing": false
    },
    "software": "mriqc",
    "version": "21.0.0rc2",
    "webapi_port": null,
    "webapi_url": "https://mriqc.nimh.nih.gov/api/v1"
  },
  "size_t": 300,
  "size_x": 64,
  "size_y": 64,
  "size_z": 27,
  "snr": 7.0525315079066235,
  "spacing_tr": 1.5,
  "spacing_x": 3.0,
  "spacing_y": 3.0,
  "spacing_z": 4.0,
  "summary_bg_k": 13.560296870609559,
  "summary_bg_mad": 10.689562051982175,
  "summary_bg_mean": 42.06704330444336,
  "summary_bg_median": 15.34333324432373,
  "summary_bg_n": 56627.0,
  "summary_bg_p05": 6.574333333969117,
  "summary_bg_p95": 205.36333923339834,
  "summary_bg_stdv": 73.27468872070312,
  "summary_fg_k": 1.9580656084436363,
  "summary_fg_mad": 84.78504749877622,
  "summary_fg_mean": 674.9486083984375,
  "summary_fg_median": 665.42333984375,
  "summary_fg_n": 26313.0,
  "summary_fg_p05": 544.1826904296875,
  "summary_fg_p95": 835.1693481445312,
  "summary_fg_stdv": 94.35061645507812,
  "tsnr": 69.62948320433497
}