{
  "aor": 0.000916225806451613,
  "aqi": 0.007625569903225807,
  "bids_meta": {
    "CogAtlasID": "https://www.cognitiveatlas.org/task/id/trm_4c8991fadfe01",
    "DeviceSerialNumber": "66018",
    "DwellTime": 4.2e-06,
    "EchoTime": 0.039,
    "EffectiveEchoSpacing": 0.000929976,
    "FlipAngle": 50,
    "InstitutionAddress": "Washington Rd, Princeton, NJ 08540, USA",
    "InstitutionName": "Princeton University",
    "InstitutionalDepartmentName": "Princeton Neuroscience Institute",
    "MagneticFieldStrength": 3,
    "Manufacturer": "Siemens",
    "ManufacturersModelName": "Prisma",
    "NumberOfVolumesDiscardedByScanner": 3,
    "ParallelReductionType": "GRAPPA",
    "PartialFourier": 0.75,
    "PhaseEncodingDirection": "j-",
    "PixelBandwidth": 1240,
    "PulseSequenceDetails": "%CustomerSeq%_ep2d_bold_sms_mgh_v22",
    "PulseSequenceType": "Gradient Echo EPI",
    "ReceiveCoilActiveElements": "HC1-7;NC1,2",
    "ReceiveCoilName": "HeadNeck_64",
    "RepetitionTime": 1.5,
    "ScanOptions": "PFP_FS",
    "ScanningSequence": "EP",
    "SequenceName": "epfSM2d1_96",
    "SequenceVariant": "SK",
    "SliceTiming": [
      0.6925,
      0,
      0.79,
      0.1,
      0.8875,
      0.1975,
      0.9875,
      0.2975,
      1.085,
      0.395,
      1.185,
      0.495,
      1.2825,
      0.5925,
      1.3825,
      0.6925,
      0,
      0.79,
      0.1,
      0.8875,
      0.1975,
      0.9875,
      0.2975,
      1.085,
      0.395,
      1.185,
      0.495,
      1.2825,
      0.5925,
      1.3825,
      0.6925,
      0,
      0.79,
      0.1,
      0.8875,
      0.1975,
      0.9875,
      0.2975,
      1.085,
      0.395,
      1.185,
      0.495,
      1.2825,
      0.5925,
      1.3825,
      0.6925,
      0,
      0.79,
      0.1,
      0.8875,
      0.1975,
      0.9875,
      0.2975,
      1.085,
      0.395,
      1.185,
      0.495,
      1.2825,
      0.5925,
      1.3825
    ],
    "SoftwareVersions": "syngo_MR_D13D",
    "StationName": "AWP66018",
    "TaskDescription": "Passively listened to audio story 'shapessocial'",
    "TaskName": "shapessocial",
    "TotalReadoutTime": 0.0883478,
    "dataset": "ds002345",
    "modality": "bold",
    "subject_id": "209",
    "task_id": "shapessocial"
  },
  "dummy_trs": 0,
  "dvars_nstd": 36.754028610097095,
  "dvars_std": 1.0583462910355983,
  "dvars_vstd": 0.9887604246925566,
  "efc": 0.6070444603590831,
  "fber": 286.427734375,
  "fd_mean": 0.13238106797015936,
  "fd_num": 44,
  "fd_perc": 14.193548387096774,
  "fwhm_avg": 2.9751999999999996,
  "fwhm_x": 2.687325,
  "fwhm_y": 3.248785,
  "fwhm_z": 2.98949,
  "gcor": 0.0179905,
  "gsr_x": -0.011069937609136105,
  "gsr_y": 0.08283748477697372,
  "provenance": {
    "md5sum": "de080d6f6e7a96c83037f35d55bd915e",
    "settings": {
      "fd_thres": 0.2,
      "testing": false
    },
    "software": "mriqc",
    "version": "22.0.0rc1",
    "webapi_port": null,
    "webapi_url": "https://mriqc.nimh.nih.gov/api/v1"
  },
  "size_t": 310,
  "size_x": 96,
  "size_y": 96,
  "size_z": 60,
  "snr": 2.3950072554619464,
  "spacing_tr": 1.5,
  "spacing_x": 2.0,
  "spacing_y": 2.0,
  "spacing_z": 2.0,
  "summary_bg_k": 34.84695488606555,
  "summary_bg_mad": 7.035186309560795,
  "summary_bg_mean": 48.682533264160156,
  "summary_bg_median": 25.858064651489258,
  "summary_bg_n": 312941.0,
  "summary_bg_p05": 19.906452178955078,
  "summary_bg_p95": 156.28387451171875,
  "summary_bg_stdv": 60.376678466796875,
  "summary_fg_k": 2.257322806168646,
  "summary_fg_mad": 165.573204287764,
  "summary_fg_mean": 481.765625,
  "summary_fg_median": 454.3612976074219,
  "summary_fg_n": 151965.0,
  "summary_fg_p05": 230.39031982421875,
  "summary_fg_p95": 830.1470825195312,
  "summary_fg_stdv": 189.71124267578125,
  "tsnr": 36.235782420728356
}