{
  "aor": 0.0009675080906148867,
  "aqi": 0.009257214433656957,
  "bids_meta": {
    "CogAtlasID": "https://www.cognitiveatlas.org/task/id/trm_4c8991fadfe01",
    "DeviceSerialNumber": "66018",
    "DwellTime": 4.2e-06,
    "EchoTime": 0.039,
    "EffectiveEchoSpacing": 0.000929976,
    "FlipAngle": 50,
    "InstitutionAddress": "Washington Rd, Princeton, NJ 08540, USA",
    "InstitutionName": "Princeton University",
    "InstitutionalDepartmentName": "Princeton Neuroscience Institute",
    "MagneticFieldStrength": 3,
    "Manufacturer": "Siemens",
    "ManufacturersModelName": "Prisma",
    "NumberOfVolumesDiscardedByScanner": 3,
    "ParallelReductionType": "GRAPPA",
    "PartialFourier": 0.75,
    "PhaseEncodingDirection": "j-",
    "PixelBandwidth": 1240,
    "PulseSequenceDetails": "%CustomerSeq%_ep2d_bold_sms_mgh_v22",
    "PulseSequenceType": "Gradient Echo EPI",
    "ReceiveCoilActiveElements": "HC1-7;NC1,2",
    "ReceiveCoilName": "HeadNeck_64",
    "RepetitionTime": 1.5,
    "ScanOptions": "PFP_FS",
    "ScanningSequence": "EP",
    "SequenceName": "epfSM2d1_96",
    "SequenceVariant": "SK",
    "SliceTiming": [
      0.6925,
      0,
      0.79,
      0.1,
      0.8875,
      0.1975,
      0.9875,
      0.2975,
      1.085,
      0.395,
      1.185,
      0.495,
      1.2825,
      0.5925,
      1.3825,
      0.6925,
      0,
      0.79,
      0.1,
      0.8875,
      0.1975,
      0.9875,
      0.2975,
      1.085,
      0.395,
      1.185,
      0.495,
      1.2825,
      0.5925,
      1.3825,
      0.6925,
      0,
      0.79,
      0.1,
      0.8875,
      0.1975,
      0.9875,
      0.2975,
      1.085,
      0.395,
      1.185,
      0.495,
      1.2825,
      0.5925,
      1.3825,
      0.6925,
      0,
      0.79,
      0.1,
      0.8875,
      0.1975,
      0.9875,
      0.2975,
      1.085,
      0.395,
      1.185,
      0.495,
      1.2825,
      0.5925,
      1.3825
    ],
    "SoftwareVersions": "syngo_MR_D13D",
    "StationName": "AWP66018",
    "TaskDescription": "Passively listened to audio story 'shapesphysical'",
    "TaskName": "shapesphysical",
    "TotalReadoutTime": 0.0883478,
    "dataset": "ds002345",
    "modality": "bold",
    "subject_id": "209",
    "task_id": "shapesphysical"
  },
  "dummy_trs": 0,
  "dvars_nstd": 38.32215792139611,
  "dvars_std": 1.0814298040584411,
  "dvars_vstd": 0.9935716834090916,
  "efc": 0.6075646807085392,
  "fber": 286.8008117675781,
  "fd_mean": 0.14742116342607292,
  "fd_num": 61,
  "fd_perc": 19.741100323624597,
  "fwhm_avg": 2.9394416666666667,
  "fwhm_x": 2.6637,
  "fwhm_y": 3.225205,
  "fwhm_z": 2.92942,
  "gcor": 0.0278254,
  "gsr_x": -0.012915948405861855,
  "gsr_y": 0.08731735497713089,
  "provenance": {
    "md5sum": "afd1ac0d6905ee4fca9333b30767a493",
    "settings": {
      "fd_thres": 0.2,
      "testing": false
    },
    "software": "mriqc",
    "version": "22.0.0rc1",
    "webapi_port": null,
    "webapi_url": "https://mriqc.nimh.nih.gov/api/v1"
  },
  "size_t": 309,
  "size_x": 96,
  "size_y": 96,
  "size_z": 60,
  "snr": 2.4065485068819905,
  "spacing_tr": 1.5,
  "spacing_x": 2.0,
  "spacing_y": 2.0,
  "spacing_z": 2.0,
  "summary_bg_k": 39.40808308867391,
  "summary_bg_mad": 6.693303364280513,
  "summary_bg_mean": 48.56821823120117,
  "summary_bg_median": 25.656959533691406,
  "summary_bg_n": 312945.0,
  "summary_bg_p05": 20.051780700683594,
  "summary_bg_p95": 155.35081176757802,
  "summary_bg_stdv": 61.32374954223633,
  "summary_fg_k": 2.1955069719841163,
  "summary_fg_mad": 163.2733791300907,
  "summary_fg_mean": 478.6205139160156,
  "summary_fg_median": 451.1650695800781,
  "summary_fg_n": 151773.0,
  "summary_fg_p05": 230.15276184082032,
  "summary_fg_p95": 823.025939941406,
  "summary_fg_stdv": 187.47329711914062,
  "tsnr": 34.59324424620718
}