{
  "aor": 0.00039429473684210524,
  "aqi": 0.009995442210526317,
  "bids_meta": {
    "CogAtlasID": "https://www.cognitiveatlas.org/task/id/trm_4c8991fadfe01",
    "DeviceSerialNumber": "45031",
    "DwellTime": 5.4e-06,
    "EchoTime": 0.028,
    "EffectiveEchoSpacing": 0.000390001,
    "FlipAngle": 64,
    "InstitutionAddress": "Washington Rd, Princeton, NJ 08540, USA",
    "InstitutionName": "Princeton University",
    "InstitutionalDepartmentName": "Princeton Neuroscience Institute",
    "MagneticFieldStrength": 3,
    "Manufacturer": "Siemens",
    "ManufacturersModelName": "Skyra",
    "NumberOfVolumesDiscardedByScanner": 3,
    "ParallelReductionFactorInPlane": 2,
    "ParallelReductionType": "GRAPPA",
    "PartialFourier": 1,
    "PhaseEncodingDirection": "j-",
    "PixelBandwidth": 1445,
    "PulseSequenceDetails": "%SiemensSeq%_ep2d_bold",
    "PulseSequenceType": "Gradient Echo EPI",
    "ReceiveCoilActiveElements": "HE1-4",
    "ReceiveCoilName": "HeadNeck_20",
    "RepetitionTime": 1.5,
    "ScanOptions": "FS",
    "ScanningSequence": "EP",
    "SequenceName": "_epfid2d1_64",
    "SequenceVariant": "SK",
    "SliceTiming": [
      0,
      0.7775,
      0.055,
      0.8325,
      0.11,
      0.8875,
      0.165,
      0.9425,
      0.22,
      0.9975,
      0.2775,
      1.055,
      0.3325,
      1.11,
      0.3875,
      1.165,
      0.4425,
      1.22,
      0.5,
      1.2775,
      0.555,
      1.3325,
      0.61,
      1.3875,
      0.665,
      1.4425,
      0.72
    ],
    "SoftwareVersions": "syngo_MR_D11",
    "StationName": "AWP45031",
    "TaskDescription": "Passively listened to audio story 'prettymouth'",
    "TaskName": "prettymouth",
    "TotalReadoutTime": 0.0245701,
    "dataset": "ds002345",
    "modality": "bold",
    "subject_id": "087",
    "task_id": "prettymouth"
  },
  "dummy_trs": 0,
  "dvars_nstd": 23.37762070101265,
  "dvars_std": 1.2775183928059068,
  "dvars_vstd": 0.9649897283544304,
  "efc": 0.5809713358235847,
  "fber": 1878.783935546875,
  "fd_mean": 0.14163674768952098,
  "fd_num": 91,
  "fd_perc": 19.157894736842106,
  "fwhm_avg": 1.739661111111111,
  "fwhm_x": 1.7235633333333331,
  "fwhm_y": 1.95841,
  "fwhm_z": 1.53701,
  "gcor": 0.0392692,
  "gsr_x": -0.0005830671871080995,
  "gsr_y": 0.03564619645476341,
  "provenance": {
    "md5sum": "5c1a5ef8152b099dbcb63d95e379d64c",
    "settings": {
      "fd_thres": 0.2,
      "testing": false
    },
    "software": "mriqc",
    "version": "21.0.0rc2",
    "webapi_port": null,
    "webapi_url": "https://mriqc.nimh.nih.gov/api/v1"
  },
  "size_t": 475,
  "size_x": 64,
  "size_y": 64,
  "size_z": 27,
  "snr": 7.598582893506208,
  "spacing_tr": 1.5,
  "spacing_x": 3.0,
  "spacing_y": 3.0,
  "spacing_z": 4.0,
  "summary_bg_k": 23.847456924027504,
  "summary_bg_mad": 12.463222459769066,
  "summary_bg_mean": 38.07225799560547,
  "summary_bg_median": 16.4526309967041,
  "summary_bg_n": 55727.0,
  "summary_bg_p05": 6.42799973487854,
  "summary_bg_p95": 139.93052673339844,
  "summary_bg_stdv": 60.071346282958984,
  "summary_fg_k": 3.384188737244364,
  "summary_fg_mad": 86.91950061333927,
  "summary_fg_mean": 753.35009765625,
  "summary_fg_median": 745.5968017578125,
  "summary_fg_n": 26682.0,
  "summary_fg_p05": 620.3565093994141,
  "summary_fg_p95": 915.8408081054683,
  "summary_fg_stdv": 98.12129974365234,
  "tsnr": 70.19123853475321
}