{
  "aor": 0.0014803367003367002,
  "aqi": 0.008188007542087542,
  "bids_meta": {
    "CogAtlasID": "https://www.cognitiveatlas.org/task/id/trm_4c8991fadfe01",
    "DeviceSerialNumber": "45031",
    "DwellTime": 5.4e-06,
    "EchoTime": 0.028,
    "EffectiveEchoSpacing": 0.000390001,
    "FlipAngle": 64,
    "InstitutionAddress": "Washington Rd, Princeton, NJ 08540, USA",
    "InstitutionName": "Princeton University",
    "InstitutionalDepartmentName": "Princeton Neuroscience Institute",
    "MagneticFieldStrength": 3,
    "Manufacturer": "Siemens",
    "ManufacturersModelName": "Skyra",
    "NumberOfVolumesDiscardedByScanner": 3,
    "ParallelReductionFactorInPlane": 2,
    "ParallelReductionType": "GRAPPA",
    "PartialFourier": 1,
    "PhaseEncodingDirection": "j-",
    "PixelBandwidth": 1445,
    "PulseSequenceDetails": "%SiemensSeq%_ep2d_bold",
    "PulseSequenceType": "Gradient Echo EPI",
    "ReceiveCoilActiveElements": "HE1-4",
    "ReceiveCoilName": "HeadNeck_20",
    "RepetitionTime": 1.5,
    "ScanOptions": "FS",
    "ScanningSequence": "EP",
    "SequenceName": "_epfid2d1_64",
    "SequenceVariant": "SK",
    "SliceTiming": [
      0,
      0.7775,
      0.055,
      0.8325,
      0.11,
      0.8875,
      0.165,
      0.9425,
      0.22,
      0.9975,
      0.2775,
      1.055,
      0.3325,
      1.11,
      0.3875,
      1.165,
      0.4425,
      1.22,
      0.5,
      1.2775,
      0.555,
      1.3325,
      0.61,
      1.3875,
      0.665,
      1.4425,
      0.72
    ],
    "SoftwareVersions": "syngo_MR_D11",
    "StationName": "AWP45031",
    "TaskDescription": "Passively listened to audio story 'milkyway'",
    "TaskName": "milkyway",
    "TotalReadoutTime": 0.0245701,
    "dataset": "ds002345",
    "modality": "bold",
    "subject_id": "087",
    "task_id": "milkyway"
  },
  "dummy_trs": 0,
  "dvars_nstd": 23.290532337837835,
  "dvars_std": 1.3153974776689186,
  "dvars_vstd": 1.010401889594595,
  "efc": 0.5790449614955885,
  "fber": 1980.2679443359375,
  "fd_mean": 0.14547225223994859,
  "fd_num": 68,
  "fd_perc": 22.895622895622896,
  "fwhm_avg": 1.7397919444444447,
  "fwhm_x": 1.7088466666666668,
  "fwhm_y": 1.9467166666666669,
  "fwhm_z": 1.5638125,
  "gcor": 0.0266542,
  "gsr_x": 0.0003517705772537738,
  "gsr_y": 0.034490782767534256,
  "provenance": {
    "md5sum": "5ad6032bbe4e4515f56988ee40012152",
    "settings": {
      "fd_thres": 0.2,
      "testing": false
    },
    "software": "mriqc",
    "version": "21.0.0rc2",
    "webapi_port": null,
    "webapi_url": "https://mriqc.nimh.nih.gov/api/v1"
  },
  "size_t": 297,
  "size_x": 64,
  "size_y": 64,
  "size_z": 27,
  "snr": 7.617760554681193,
  "spacing_tr": 1.5,
  "spacing_x": 3.0,
  "spacing_y": 3.0,
  "spacing_z": 4.0,
  "summary_bg_k": 25.59874138271093,
  "summary_bg_mad": 11.98811152086609,
  "summary_bg_mean": 37.21521759033203,
  "summary_bg_median": 16.106060028076172,
  "summary_bg_n": 55816.0,
  "summary_bg_p05": 6.454545497894287,
  "summary_bg_p95": 136.11700057983398,
  "summary_bg_stdv": 59.48203659057617,
  "summary_fg_k": 3.2710947731042737,
  "summary_fg_mad": 87.4310454339699,
  "summary_fg_mean": 755.6263427734375,
  "summary_fg_median": 748.1026611328125,
  "summary_fg_n": 26582.0,
  "summary_fg_p05": 621.630648803711,
  "summary_fg_p95": 914.2186431884766,
  "summary_fg_stdv": 98.20321655273438,
  "tsnr": 73.22320508211851
}