{
  "bids_meta": {
    "AcquisitionMatrixPE": 256,
    "BaseResolution": 256,
    "BodyPartExamined": "BRAIN",
    "ConsistencyInfo": "N4_VE11C_LATEST_20160120",
    "ConversionSoftware": "dcm2niix",
    "ConversionSoftwareVersion": "v1.0.20180328 GCC6.3.0",
    "DeviceSerialNumber": "66018",
    "DwellTime": 9.8e-06,
    "EchoTime": 0.0033,
    "FlipAngle": 7,
    "ImageOrientationPatientDICOM": [
      0,
      1,
      0,
      0,
      0,
      -1
    ],
    "ImageType": [
      "ORIGINAL",
      "PRIMARY",
      "M",
      "ND",
      "NORM"
    ],
    "InPlanePhaseEncodingDirectionDICOM": "ROW",
    "InstitutionAddress": "Washington Rd, Princeton, NJ 08540, USA",
    "InstitutionName": "Princeton University",
    "InstitutionalDepartmentName": "Princeton Neuroscience Institute",
    "InversionTime": 1.1,
    "MRAcquisitionType": "3D",
    "MagneticFieldStrength": 3,
    "Manufacturer": "Siemens",
    "ManufacturersModelName": "Prisma",
    "Modality": "MR",
    "ParallelReductionFactorInPlane": 2,
    "ParallelReductionType": "GRAPPA",
    "PartialFourier": 1,
    "PatientPosition": "HFS",
    "PercentPhaseFOV": 100,
    "PhaseEncodingSteps": 255,
    "PhaseResolution": 1,
    "PixelBandwidth": 200,
    "ProcedureStepDescription": "Hasson_Nastase_042518_Storyteller",
    "ProtocolName": "anat-T1w",
    "PulseSequenceDetails": "%SiemensSeq%_tfl",
    "ReceiveCoilActiveElements": "HC1-7;NC1",
    "ReceiveCoilName": "HeadNeck_64",
    "ReconMatrixPE": 256,
    "RepetitionTime": 2.53,
    "SAR": 0.0411011,
    "ScanOptions": "IR",
    "ScanningSequence": "GR_IR",
    "SequenceName": "_tfl3d1_16ns",
    "SequenceVariant": "SK_SP_MP",
    "SeriesDescription": "anat-T1w",
    "SeriesNumber": 3,
    "ShimSetting": [
      745,
      516,
      2009,
      599,
      -80,
      -3,
      280,
      5
    ],
    "SliceThickness": 1,
    "SoftwareVersions": "syngo_MR_E11",
    "StationName": "AWP66018",
    "TxRefAmp": 265.935,
    "dataset": "ds002345",
    "modality": "T1w",
    "subject_id": "275"
  },
  "cjv": 0.42295603894897915,
  "cnr": 3.0299747910097676,
  "efc": 0.5631406745815035,
  "fber": 6524.233471074381,
  "fwhm_avg": 3.2054000000000005,
  "fwhm_x": 3.33011,
  "fwhm_y": 3.33575,
  "fwhm_z": 2.95034,
  "icvs_csf": 0.1912074636322004,
  "icvs_gm": 0.4218833810363484,
  "icvs_wm": 0.3869091553314512,
  "inu_med": 1.215036153793335,
  "inu_range": 0.47701887786388397,
  "provenance": {
    "md5sum": "69009dac97028ebbd82bb6f524974a75",
    "settings": {
      "testing": false
    },
    "software": "mriqc",
    "version": "22.0.0rc1",
    "warnings": {
      "large_rot_frame": true,
      "small_air_mask": false
    },
    "webapi_port": null,
    "webapi_url": "https://mriqc.nimh.nih.gov/api/v1"
  },
  "qi_1": 0.0008590945819256858,
  "qi_2": 0.0008725567487918704,
  "rpve_csf": 23.372141083163843,
  "rpve_gm": 11.445343762192964,
  "rpve_wm": 15.389941552847702,
  "size_x": 176,
  "size_y": 256,
  "size_z": 256,
  "snr_csf": 1.8851030396986013,
  "snr_gm": 8.792483468159459,
  "snr_total": 9.995262501542356,
  "snr_wm": 19.308200996769006,
  "snrd_csf": 44.71793117172834,
  "snrd_gm": 91.94793563432196,
  "snrd_total": 88.80128639969995,
  "snrd_wm": 129.73799239304952,
  "spacing_x": 1.0,
  "spacing_y": 1.0,
  "spacing_z": 1.0,
  "summary_bg_k": 20.75562176890389,
  "summary_bg_mad": 5.0496881285979,
  "summary_bg_mean": 8.927609360417822,
  "summary_bg_median": 6.85858279466629,
  "summary_bg_n": 3908094.0,
  "summary_bg_p05": 1.399710774421692,
  "summary_bg_p95": 23.468483984470367,
  "summary_bg_stdv": 7.899727568459791,
  "summary_csf_k": 29.349954973467312,
  "summary_csf_mad": 182.6880321592747,
  "summary_csf_mean": 354.4746607065184,
  "summary_csf_median": 344.67877820134163,
  "summary_csf_n": 7156.0,
  "summary_csf_p05": 145.89651972055435,
  "summary_csf_p95": 569.7056137025356,
  "summary_csf_stdv": 182.830692487579,
  "summary_gm_k": 0.2653228782397923,
  "summary_gm_mad": 75.67614811898771,
  "summary_gm_mean": 708.3558572631146,
  "summary_gm_median": 708.7202221155167,
  "summary_gm_n": 14462.0,
  "summary_gm_p05": 572.1131162345409,
  "summary_gm_p95": 842.4859151244164,
  "summary_gm_stdv": 80.6024511067504,
  "summary_wm_k": 0.8629372926343084,
  "summary_wm_mad": 47.52240745680489,
  "summary_wm_mean": 998.7058573377873,
  "summary_wm_median": 1000.0000342726707,
  "summary_wm_n": 245030.0,
  "summary_wm_p05": 911.2583711743355,
  "summary_wm_p95": 1080.1358089596029,
  "summary_wm_stdv": 51.79136025523015,
  "tpm_overlap_csf": 0.15805260837078094,
  "tpm_overlap_gm": 0.4175310432910919,
  "tpm_overlap_wm": 0.49310243129730225,
  "wm2max": 0.5748270128198252
}