{
  "bids_meta": {
    "DeviceSerialNumber": "45031",
    "DwellTime": 8.2e-06,
    "EchoTime": 0.00308,
    "FlipAngle": 9,
    "InstitutionAddress": "Washington Rd, Princeton, NJ 08540, USA",
    "InstitutionName": "Princeton University",
    "InstitutionalDepartmentName": "Princeton Neuroscience Institute",
    "InversionTime": 0.9,
    "MagneticFieldStrength": 3,
    "Manufacturer": "Siemens",
    "ManufacturersModelName": "Skyra",
    "ParallelReductionFactorInPlane": 2,
    "ParallelReductionType": "GRAPPA",
    "PartialFourier": 1,
    "PixelBandwidth": 240,
    "PulseSequenceDetails": "%SiemensSeq%_tfl",
    "PulseSequenceType": "MPRAGE",
    "ReceiveCoilActiveElements": "HE1-4",
    "ReceiveCoilName": "HeadNeck_20",
    "RepetitionTime": 2.3,
    "ScanOptions": "IR",
    "ScanningSequence": "GR_IR",
    "SequenceName": "_tfl3d1_16ns",
    "SequenceVariant": "SK_SP_MP",
    "SoftwareVersions": "syngo_MR_D11",
    "StationName": "AWP45031",
    "dataset": "ds002345",
    "modality": "T1w",
    "subject_id": "063"
  },
  "cjv": 0.4970064209102316,
  "cnr": 2.658003890434328,
  "efc": 0.6661530466370419,
  "fber": 1065.7781942709057,
  "fwhm_avg": 3.4381607940533425,
  "fwhm_x": 3.4223109751206913,
  "fwhm_y": 3.585792,
  "fwhm_z": 3.3063794070393366,
  "icvs_csf": 0.18800443553065194,
  "icvs_gm": 0.41495263270996036,
  "icvs_wm": 0.39704293175938765,
  "inu_med": 1.396712064743042,
  "inu_range": 0.6023634195327758,
  "provenance": {
    "md5sum": "11bd29c5a7afbb600775dd719ea2f378",
    "settings": {
      "testing": false
    },
    "software": "mriqc",
    "version": "21.0.0rc2",
    "warnings": {
      "large_rot_frame": true,
      "small_air_mask": false
    },
    "webapi_port": null,
    "webapi_url": "https://mriqc.nimh.nih.gov/api/v1"
  },
  "qi_1": 1.2120477546815345e-05,
  "qi_2": 0.003233172079824246,
  "rpve_csf": 18.59025688221426,
  "rpve_gm": 9.101060483442222,
  "rpve_wm": 11.585344859639338,
  "size_x": 192,
  "size_y": 256,
  "size_z": 256,
  "snr_csf": 2.4163119266486395,
  "snr_gm": 8.90994727283861,
  "snr_total": 9.093813502097413,
  "snr_wm": 15.955181306804993,
  "snrd_csf": 21.110732806194555,
  "snrd_gm": 42.00918859463751,
  "snrd_total": 40.38461958123243,
  "snrd_wm": 58.03393734286522,
  "spacing_x": 0.9000000357627869,
  "spacing_y": 0.859375,
  "spacing_z": 0.8593750596046448,
  "summary_bg_k": 677.0878778953738,
  "summary_bg_mad": 11.289691965810386,
  "summary_bg_mean": 19.534176829012843,
  "summary_bg_median": 18.066442415118217,
  "summary_bg_n": 2306507.0,
  "summary_bg_p05": 2.612915225327015,
  "summary_bg_p95": 42.851809695363045,
  "summary_bg_stdv": 16.239256351010745,
  "summary_csf_k": 10.352994966981313,
  "summary_csf_mad": 162.48301770401613,
  "summary_csf_mean": 381.0544652942832,
  "summary_csf_median": 363.7924540862441,
  "summary_csf_n": 15371.0,
  "summary_csf_p05": 179.13400237634778,
  "summary_csf_p95": 613.5498222671449,
  "summary_csf_stdv": 150.55201116799384,
  "summary_gm_k": 0.480255821775208,
  "summary_gm_mad": 76.2607623965035,
  "summary_gm_mean": 727.7207767589833,
  "summary_gm_median": 723.9268268570304,
  "summary_gm_n": 29810.0,
  "summary_gm_p05": 600.5561681251972,
  "summary_gm_p95": 868.9473545987158,
  "summary_gm_stdv": 81.24792013229397,
  "summary_wm_k": 0.3509556352318235,
  "summary_wm_mad": 60.98647326628944,
  "summary_wm_mean": 1001.2408022265906,
  "summary_wm_median": 1000.074638813734,
  "summary_wm_n": 395883.0,
  "summary_wm_p05": 900.5598960891366,
  "summary_wm_p95": 1105.337795034051,
  "summary_wm_stdv": 62.680163671515785,
  "tpm_overlap_csf": 0.1793735921382904,
  "tpm_overlap_gm": 0.4387170970439911,
  "tpm_overlap_wm": 0.5176982879638672,
  "wm2max": 0.48559905717802476
}