{
  "aor": 0.01799448979591837,
  "aqi": 0.027372222244897958,
  "bids_meta": {
    "AcquisitionMatrixPE": 96,
    "BandwidthPerPixelPhaseEncode": 20.425,
    "BaseResolution": 96,
    "BodyPartExamined": "BRAIN",
    "ConsistencyInfo": "N4_VE11C_LATEST_20160120",
    "ConversionSoftware": "dcm2niix",
    "ConversionSoftwareVersion": "v1.0.20180328 GCC6.3.0",
    "DerivedVendorReportedEchoSpacing": 0.000509996,
    "DeviceSerialNumber": "66018",
    "DwellTime": 2.1e-06,
    "EchoTime": 0.031,
    "EchoTrainLength": 96,
    "EffectiveEchoSpacing": 0.000509996,
    "FlipAngle": 67,
    "ImageOrientationPatientDICOM": [
      1,
      0,
      0,
      0,
      1,
      0
    ],
    "ImageType": [
      "ORIGINAL",
      "PRIMARY",
      "M",
      "ND",
      "NORM",
      "MOSAIC"
    ],
    "InPlanePhaseEncodingDirectionDICOM": "COL",
    "InstitutionAddress": "Washington Rd, Princeton, NJ 08540, USA",
    "InstitutionName": "Princeton University",
    "InstitutionalDepartmentName": "Princeton Neuroscience Institute",
    "MRAcquisitionType": "2D",
    "MagneticFieldStrength": 3,
    "Manufacturer": "Siemens",
    "ManufacturersModelName": "Prisma",
    "Modality": "MR",
    "MultibandAccelerationFactor": 3,
    "NumberOfVolumesDiscardedByScanner": 3,
    "PartialFourier": 1,
    "PatientPosition": "HFS",
    "PercentPhaseFOV": 100,
    "PhaseEncodingDirection": "j-",
    "PhaseEncodingSteps": 96,
    "PhaseResolution": 1,
    "PixelBandwidth": 2480,
    "ProcedureStepDescription": "Hasson_Nastase_042518_Storyteller",
    "ProtocolName": "func_task-pieman",
    "PulseSequenceDetails": "%SiemensSeq%_ep2d_bold",
    "ReceiveCoilActiveElements": "HC1-7;NC1",
    "ReceiveCoilName": "HeadNeck_64",
    "ReconMatrixPE": 96,
    "RepetitionTime": 1.5,
    "SAR": 0.0545807,
    "ScanOptions": "FS",
    "ScanningSequence": "EP",
    "SequenceName": "_epfid2d1_96",
    "SequenceVariant": "SK",
    "SeriesDescription": "func_task-pieman",
    "SeriesNumber": 7,
    "ShimSetting": [
      748,
      529,
      2094,
      695,
      -34,
      256,
      249,
      48
    ],
    "SliceThickness": 2.5,
    "SliceTiming": [
      1.1075,
      0,
      0.7375,
      0.0925,
      0.83,
      0.185,
      0.9225,
      0.2775,
      1.015,
      0.4625,
      1.2,
      0.555,
      1.2925,
      0.645,
      1.385,
      0.37,
      1.1075,
      0,
      0.7375,
      0.0925,
      0.83,
      0.185,
      0.9225,
      0.2775,
      1.015,
      0.4625,
      1.2,
      0.555,
      1.2925,
      0.645,
      1.385,
      0.37,
      1.1075,
      0,
      0.7375,
      0.0925,
      0.83,
      0.185,
      0.9225,
      0.2775,
      1.015,
      0.4625,
      1.2,
      0.555,
      1.2925,
      0.645,
      1.385,
      0.37
    ],
    "SoftwareVersions": "syngo_MR_E11",
    "SpacingBetweenSlices": 2.5,
    "StationName": "AWP66018",
    "TaskDescription": "Passively listened to audio story 'piemanpni'",
    "TaskName": "piemanpni",
    "TotalReadoutTime": 0.0484496,
    "TxRefAmp": 242.201,
    "dataset": "ds002345",
    "modality": "bold",
    "subject_id": "292",
    "task_id": "piemanpni"
  },
  "dummy_trs": 0,
  "dvars_nstd": 24.83827238771331,
  "dvars_std": 1.1878655208191131,
  "dvars_vstd": 1.1040783962457341,
  "efc": 0.47590947937413197,
  "fber": 4032.194580078125,
  "fd_mean": 0.13355293632207818,
  "fd_num": 35,
  "fd_perc": 11.904761904761905,
  "fwhm_avg": 1.9092973333333332,
  "fwhm_x": 1.797888,
  "fwhm_y": 2.075,
  "fwhm_z": 1.8550039999999999,
  "gcor": 0.0275934,
  "gsr_x": -0.015374849550426006,
  "gsr_y": 0.03058909811079502,
  "provenance": {
    "md5sum": "689e8355f8faaea9d516856cac14cad6",
    "settings": {
      "fd_thres": 0.2,
      "testing": false
    },
    "software": "mriqc",
    "version": "22.0.0rc1",
    "webapi_port": null,
    "webapi_url": "https://mriqc.nimh.nih.gov/api/v1"
  },
  "size_t": 294,
  "size_x": 96,
  "size_y": 96,
  "size_z": 48,
  "snr": 6.319769473639579,
  "spacing_tr": 1.5,
  "spacing_x": 2.5,
  "spacing_y": 2.5,
  "spacing_z": 2.5,
  "summary_bg_k": 23.730244617879016,
  "summary_bg_mad": 7.009581638487914,
  "summary_bg_mean": 30.884227752685547,
  "summary_bg_median": 11.792516708374023,
  "summary_bg_n": 305471.0,
  "summary_bg_p05": 5.649659633636475,
  "summary_bg_p95": 129.248291015625,
  "summary_bg_stdv": 56.598690032958984,
  "summary_fg_k": 2.9128470790654806,
  "summary_fg_mad": 105.45130441779479,
  "summary_fg_mean": 756.4104614257812,
  "summary_fg_median": 755.3350219726562,
  "summary_fg_n": 73826.0,
  "summary_fg_p05": 585.6683349609375,
  "summary_fg_p95": 943.0467529296875,
  "summary_fg_stdv": 119.51858520507812,
  "tsnr": 42.85449016268831
}