{
  "aor": 0.001087890909090909,
  "aqi": 0.011077097127272728,
  "bids_meta": {
    "AcquisitionMatrixPE": 96,
    "BandwidthPerPixelPhaseEncode": 20.425,
    "BaseResolution": 96,
    "BodyPartExamined": "BRAIN",
    "ConsistencyInfo": "N4_VE11C_LATEST_20160120",
    "ConversionSoftware": "dcm2niix",
    "ConversionSoftwareVersion": "v1.0.20180328 GCC6.3.0",
    "DerivedVendorReportedEchoSpacing": 0.000509996,
    "DeviceSerialNumber": "66018",
    "DwellTime": 2.1e-06,
    "EchoTime": 0.031,
    "EchoTrainLength": 96,
    "EffectiveEchoSpacing": 0.000509996,
    "FlipAngle": 67,
    "ImageOrientationPatientDICOM": [
      1,
      0,
      0,
      0,
      1,
      0
    ],
    "ImageType": [
      "ORIGINAL",
      "PRIMARY",
      "M",
      "ND",
      "NORM",
      "MOSAIC"
    ],
    "InPlanePhaseEncodingDirectionDICOM": "COL",
    "InstitutionAddress": "Washington Rd, Princeton, NJ 08540, USA",
    "InstitutionName": "Princeton University",
    "InstitutionalDepartmentName": "Princeton Neuroscience Institute",
    "MRAcquisitionType": "2D",
    "MagneticFieldStrength": 3,
    "Manufacturer": "Siemens",
    "ManufacturersModelName": "Prisma",
    "Modality": "MR",
    "MultibandAccelerationFactor": 3,
    "NumberOfVolumesDiscardedByScanner": 3,
    "PartialFourier": 1,
    "PatientPosition": "HFS",
    "PercentPhaseFOV": 100,
    "PhaseEncodingDirection": "j-",
    "PhaseEncodingSteps": 96,
    "PhaseResolution": 1,
    "PixelBandwidth": 2480,
    "ProcedureStepDescription": "Hasson_Nastase_042518_Storyteller",
    "ProtocolName": "func_task-black",
    "PulseSequenceDetails": "%SiemensSeq%_ep2d_bold",
    "ReceiveCoilActiveElements": "HC1-7;NC1",
    "ReceiveCoilName": "HeadNeck_64",
    "ReconMatrixPE": 96,
    "RepetitionTime": 1.5,
    "SAR": 0.0546427,
    "ScanOptions": "FS",
    "ScanningSequence": "EP",
    "SequenceName": "_epfid2d1_96",
    "SequenceVariant": "SK",
    "SeriesDescription": "func_task-black",
    "SeriesNumber": 10,
    "ShimSetting": [
      748,
      529,
      2094,
      695,
      -34,
      256,
      249,
      48
    ],
    "SliceThickness": 2.5,
    "SliceTiming": [
      1.11,
      0,
      0.74,
      0.0925,
      0.8325,
      0.185,
      0.925,
      0.2775,
      1.0175,
      0.4625,
      1.2025,
      0.555,
      1.295,
      0.6475,
      1.3875,
      0.37,
      1.11,
      0,
      0.74,
      0.0925,
      0.8325,
      0.185,
      0.925,
      0.2775,
      1.0175,
      0.4625,
      1.2025,
      0.555,
      1.295,
      0.6475,
      1.3875,
      0.37,
      1.11,
      0,
      0.74,
      0.0925,
      0.8325,
      0.185,
      0.925,
      0.2775,
      1.0175,
      0.4625,
      1.2025,
      0.555,
      1.295,
      0.6475,
      1.3875,
      0.37
    ],
    "SoftwareVersions": "syngo_MR_E11",
    "SpacingBetweenSlices": 2.5,
    "StationName": "AWP66018",
    "TaskDescription": "Passively listened to audio story 'black'",
    "TaskName": "black",
    "TotalReadoutTime": 0.0484496,
    "TxRefAmp": 242.201,
    "dataset": "ds002345",
    "modality": "bold",
    "subject_id": "292",
    "task_id": "black"
  },
  "dummy_trs": 0,
  "dvars_nstd": 23.716979935136596,
  "dvars_std": 1.1625453389253195,
  "dvars_vstd": 1.0118050139890713,
  "efc": 0.47016282113633445,
  "fber": 4332.03564453125,
  "fd_mean": 0.10316438626998861,
  "fd_num": 14,
  "fd_perc": 2.5454545454545454,
  "fwhm_avg": 1.9083853333333334,
  "fwhm_x": 1.8034919999999999,
  "fwhm_y": 2.045312,
  "fwhm_z": 1.876352,
  "gcor": 0.00921584,
  "gsr_x": -0.012849561870098114,
  "gsr_y": 0.030741684138774872,
  "provenance": {
    "md5sum": "de78b7f1072f8ff5ec2e869582dfdb59",
    "settings": {
      "fd_thres": 0.2,
      "testing": false
    },
    "software": "mriqc",
    "version": "22.0.0rc1",
    "webapi_port": null,
    "webapi_url": "https://mriqc.nimh.nih.gov/api/v1"
  },
  "size_t": 550,
  "size_x": 96,
  "size_y": 96,
  "size_z": 48,
  "snr": 6.128217686783308,
  "spacing_tr": 1.5,
  "spacing_x": 2.5,
  "spacing_y": 2.5,
  "spacing_z": 2.5,
  "summary_bg_k": 24.513784173547524,
  "summary_bg_mad": 6.666319414581998,
  "summary_bg_mean": 30.45380401611328,
  "summary_bg_median": 11.458182334899902,
  "summary_bg_n": 308258.0,
  "summary_bg_p05": 5.545454502105713,
  "summary_bg_p95": 130.43664321899408,
  "summary_bg_stdv": 56.8098030090332,
  "summary_fg_k": 3.0586385227394883,
  "summary_fg_mad": 108.69359186219516,
  "summary_fg_mean": 761.0230712890625,
  "summary_fg_median": 759.1145629882812,
  "summary_fg_n": 72230.0,
  "summary_fg_p05": 584.8359191894531,
  "summary_fg_p95": 954.3571105957031,
  "summary_fg_stdv": 123.87113952636719,
  "tsnr": 54.91702380217612
}