{
  "aor": 0.0014408483290488433,
  "aqi": 0.016669885706940876,
  "bids_meta": {
    "AcquisitionMatrixPE": 96,
    "BandwidthPerPixelPhaseEncode": 20.425,
    "BaseResolution": 96,
    "BodyPartExamined": "BRAIN",
    "ConsistencyInfo": "N4_VE11C_LATEST_20160120",
    "ConversionSoftware": "dcm2niix",
    "ConversionSoftwareVersion": "v1.0.20180328 GCC6.3.0",
    "DerivedVendorReportedEchoSpacing": 0.000509996,
    "DeviceSerialNumber": "66018",
    "DwellTime": 2.1e-06,
    "EchoTime": 0.031,
    "EchoTrainLength": 96,
    "EffectiveEchoSpacing": 0.000509996,
    "FlipAngle": 67,
    "ImageOrientationPatientDICOM": [
      1,
      0,
      0,
      0,
      1,
      0
    ],
    "ImageType": [
      "ORIGINAL",
      "PRIMARY",
      "M",
      "ND",
      "NORM",
      "MOSAIC"
    ],
    "InPlanePhaseEncodingDirectionDICOM": "COL",
    "InstitutionAddress": "Washington Rd, Princeton, NJ 08540, USA",
    "InstitutionName": "Princeton University",
    "InstitutionalDepartmentName": "Princeton Neuroscience Institute",
    "MRAcquisitionType": "2D",
    "MagneticFieldStrength": 3,
    "Manufacturer": "Siemens",
    "ManufacturersModelName": "Prisma",
    "Modality": "MR",
    "MultibandAccelerationFactor": 3,
    "NumberOfVolumesDiscardedByScanner": 3,
    "PartialFourier": 1,
    "PatientPosition": "HFS",
    "PercentPhaseFOV": 100,
    "PhaseEncodingDirection": "j-",
    "PhaseEncodingSteps": 96,
    "PhaseResolution": 1,
    "PixelBandwidth": 2480,
    "ProcedureStepDescription": "Hasson_Nastase_042518_Storyteller",
    "ProtocolName": "func_task-bronx",
    "PulseSequenceDetails": "%SiemensSeq%_ep2d_bold",
    "ReceiveCoilActiveElements": "HC1-7;NC1",
    "ReceiveCoilName": "HeadNeck_64",
    "ReconMatrixPE": 96,
    "RepetitionTime": 1.5,
    "SAR": 0.0546134,
    "ScanOptions": "FS",
    "ScanningSequence": "EP",
    "SequenceName": "_epfid2d1_96",
    "SequenceVariant": "SK",
    "SeriesDescription": "func_task-bronx",
    "SeriesNumber": 8,
    "ShimSetting": [
      748,
      529,
      2094,
      695,
      -34,
      256,
      249,
      48
    ],
    "SliceThickness": 2.5,
    "SliceTiming": [
      1.11,
      0,
      0.74,
      0.0925,
      0.8325,
      0.185,
      0.925,
      0.2775,
      1.0175,
      0.4625,
      1.2025,
      0.555,
      1.295,
      0.6475,
      1.3875,
      0.37,
      1.11,
      0,
      0.74,
      0.0925,
      0.8325,
      0.185,
      0.925,
      0.2775,
      1.0175,
      0.4625,
      1.2025,
      0.555,
      1.295,
      0.6475,
      1.3875,
      0.37,
      1.11,
      0,
      0.74,
      0.0925,
      0.8325,
      0.185,
      0.925,
      0.2775,
      1.0175,
      0.4625,
      1.2025,
      0.555,
      1.295,
      0.6475,
      1.3875,
      0.37
    ],
    "SoftwareVersions": "syngo_MR_E11",
    "SpacingBetweenSlices": 2.5,
    "StationName": "AWP66018",
    "TaskDescription": "Passively listened to audio story 'bronx'",
    "TaskName": "bronx",
    "TotalReadoutTime": 0.0484496,
    "TxRefAmp": 242.201,
    "dataset": "ds002345",
    "modality": "bold",
    "subject_id": "292",
    "task_id": "bronx"
  },
  "dummy_trs": 1,
  "dvars_nstd": 22.356549041701005,
  "dvars_std": 1.076994696469073,
  "dvars_vstd": 0.9636511446649481,
  "efc": 0.4705403691281662,
  "fber": 4375.0791015625,
  "fd_mean": 0.1054280595135436,
  "fd_num": 11,
  "fd_perc": 2.827763496143959,
  "fwhm_avg": 1.918681333333333,
  "fwhm_x": 1.8172080000000002,
  "fwhm_y": 2.0713999999999997,
  "fwhm_z": 1.867436,
  "gcor": 0.00827035,
  "gsr_x": -0.013521106913685799,
  "gsr_y": 0.03034520149230957,
  "provenance": {
    "md5sum": "88d17d84cd63253a57f3b115d9dcf616",
    "settings": {
      "fd_thres": 0.2,
      "testing": false
    },
    "software": "mriqc",
    "version": "22.0.0rc1",
    "webapi_port": null,
    "webapi_url": "https://mriqc.nimh.nih.gov/api/v1"
  },
  "size_t": 389,
  "size_x": 96,
  "size_y": 96,
  "size_z": 48,
  "snr": 6.152633133719972,
  "spacing_tr": 1.5,
  "spacing_x": 2.5,
  "spacing_y": 2.5,
  "spacing_z": 2.5,
  "summary_bg_k": 24.779323499629008,
  "summary_bg_mad": 6.643125476524703,
  "summary_bg_mean": 30.286222457885742,
  "summary_bg_median": 11.465295791625977,
  "summary_bg_n": 307562.0,
  "summary_bg_p05": 5.557840824127197,
  "summary_bg_p95": 127.81478233337405,
  "summary_bg_stdv": 56.50115966796875,
  "summary_fg_k": 2.7190678245428854,
  "summary_fg_mad": 109.97172998690722,
  "summary_fg_mean": 762.7047119140625,
  "summary_fg_median": 760.4935913085938,
  "summary_fg_n": 72591.0,
  "summary_fg_p05": 585.6979370117188,
  "summary_fg_p95": 958.5269775390625,
  "summary_fg_stdv": 123.60372161865234,
  "tsnr": 48.85032472014427
}