{
  "aor": 0.0010225087108013938,
  "aqi": 0.010745918240418118,
  "bids_meta": {
    "AcquisitionMatrixPE": 96,
    "BandwidthPerPixelPhaseEncode": 20.425,
    "BaseResolution": 96,
    "BodyPartExamined": "BRAIN",
    "ConsistencyInfo": "N4_VE11C_LATEST_20160120",
    "ConversionSoftware": "dcm2niix",
    "ConversionSoftwareVersion": "v1.0.20180328 GCC6.3.0",
    "DerivedVendorReportedEchoSpacing": 0.000509996,
    "DeviceSerialNumber": "66018",
    "DwellTime": 2.1e-06,
    "EchoTime": 0.031,
    "EchoTrainLength": 96,
    "EffectiveEchoSpacing": 0.000509996,
    "FlipAngle": 67,
    "ImageOrientationPatientDICOM": [
      1,
      0,
      0,
      0,
      1,
      0
    ],
    "ImageType": [
      "ORIGINAL",
      "PRIMARY",
      "M",
      "ND",
      "NORM",
      "MOSAIC"
    ],
    "InPlanePhaseEncodingDirectionDICOM": "COL",
    "InstitutionAddress": "Washington Rd, Princeton, NJ 08540, USA",
    "InstitutionName": "Princeton University",
    "InstitutionalDepartmentName": "Princeton Neuroscience Institute",
    "MRAcquisitionType": "2D",
    "MagneticFieldStrength": 3,
    "Manufacturer": "Siemens",
    "ManufacturersModelName": "Prisma",
    "Modality": "MR",
    "MultibandAccelerationFactor": 3,
    "NumberOfVolumesDiscardedByScanner": 3,
    "PartialFourier": 1,
    "PatientPosition": "HFS",
    "PercentPhaseFOV": 100,
    "PhaseEncodingDirection": "j-",
    "PhaseEncodingSteps": 96,
    "PhaseResolution": 1,
    "PixelBandwidth": 2480,
    "ProcedureStepDescription": "Hasson_Nastase_042518_Storyteller",
    "ProtocolName": "func_task-forgot",
    "PulseSequenceDetails": "%SiemensSeq%_ep2d_bold",
    "ReceiveCoilActiveElements": "HC1-7;NC1",
    "ReceiveCoilName": "HeadNeck_64",
    "ReconMatrixPE": 96,
    "RepetitionTime": 1.5,
    "SAR": 0.0546458,
    "ScanOptions": "FS",
    "ScanningSequence": "EP",
    "SequenceName": "_epfid2d1_96",
    "SequenceVariant": "SK",
    "SeriesDescription": "func_task-forgot",
    "SeriesNumber": 9,
    "ShimSetting": [
      748,
      529,
      2094,
      695,
      -34,
      256,
      249,
      48
    ],
    "SliceThickness": 2.5,
    "SliceTiming": [
      1.11,
      0,
      0.74,
      0.0925,
      0.8325,
      0.185,
      0.925,
      0.2775,
      1.0175,
      0.4625,
      1.2025,
      0.555,
      1.295,
      0.6475,
      1.3875,
      0.37,
      1.11,
      0,
      0.74,
      0.0925,
      0.8325,
      0.185,
      0.925,
      0.2775,
      1.0175,
      0.4625,
      1.2025,
      0.555,
      1.295,
      0.6475,
      1.3875,
      0.37,
      1.11,
      0,
      0.74,
      0.0925,
      0.8325,
      0.185,
      0.925,
      0.2775,
      1.0175,
      0.4625,
      1.2025,
      0.555,
      1.295,
      0.6475,
      1.3875,
      0.37
    ],
    "SoftwareVersions": "syngo_MR_E11",
    "SpacingBetweenSlices": 2.5,
    "StationName": "AWP66018",
    "TaskDescription": "Passively listened to audio story 'forgot'",
    "TaskName": "forgot",
    "TotalReadoutTime": 0.0484496,
    "TxRefAmp": 242.201,
    "dataset": "ds002345",
    "modality": "bold",
    "subject_id": "292",
    "task_id": "forgot"
  },
  "dummy_trs": 0,
  "dvars_nstd": 23.34770125732985,
  "dvars_std": 1.1545417853926698,
  "dvars_vstd": 1.0077191380453752,
  "efc": 0.47104054750878893,
  "fber": 4301.958984375,
  "fd_mean": 0.10020022144924857,
  "fd_num": 12,
  "fd_perc": 2.0905923344947737,
  "fwhm_avg": 1.9003053333333335,
  "fwhm_x": 1.7920880000000001,
  "fwhm_y": 2.039148,
  "fwhm_z": 1.86968,
  "gcor": 0.0121193,
  "gsr_x": -0.013386144302785397,
  "gsr_y": 0.03146537393331528,
  "provenance": {
    "md5sum": "1746da9053da0e988f33ae5a5e8c65f3",
    "settings": {
      "fd_thres": 0.2,
      "testing": false
    },
    "software": "mriqc",
    "version": "22.0.0rc1",
    "webapi_port": null,
    "webapi_url": "https://mriqc.nimh.nih.gov/api/v1"
  },
  "size_t": 574,
  "size_x": 96,
  "size_y": 96,
  "size_z": 48,
  "snr": 6.157227590608751,
  "spacing_tr": 1.5,
  "spacing_x": 2.5,
  "spacing_y": 2.5,
  "spacing_z": 2.5,
  "summary_bg_k": 24.366519624314893,
  "summary_bg_mad": 6.702704516081473,
  "summary_bg_mean": 30.40619659423828,
  "summary_bg_median": 11.472126007080078,
  "summary_bg_n": 307838.0,
  "summary_bg_p05": 5.554007053375244,
  "summary_bg_p95": 130.14015884399396,
  "summary_bg_stdv": 56.83836364746094,
  "summary_fg_k": 3.099352570746073,
  "summary_fg_mad": 107.52223294999754,
  "summary_fg_mean": 759.8305053710938,
  "summary_fg_median": 758.2535400390625,
  "summary_fg_n": 72442.0,
  "summary_fg_p05": 584.5019439697265,
  "summary_fg_p95": 952.2270782470703,
  "summary_fg_stdv": 123.1476821899414,
  "tsnr": 56.4065180523321
}