{
  "aor": 0.0005369512195121951,
  "aqi": 0.007507783606271777,
  "bids_meta": {
    "AcquisitionMatrixPE": 96,
    "BandwidthPerPixelPhaseEncode": 20.425,
    "BaseResolution": 96,
    "BodyPartExamined": "BRAIN",
    "ConsistencyInfo": "N4_VE11C_LATEST_20160120",
    "ConversionSoftware": "dcm2niix",
    "ConversionSoftwareVersion": "v1.0.20180328 GCC6.3.0",
    "DerivedVendorReportedEchoSpacing": 0.000509996,
    "DeviceSerialNumber": "66018",
    "DwellTime": 2.1e-06,
    "EchoTime": 0.031,
    "EchoTrainLength": 96,
    "EffectiveEchoSpacing": 0.000509996,
    "FlipAngle": 67,
    "ImageOrientationPatientDICOM": [
      1,
      0,
      0,
      0,
      1,
      0
    ],
    "ImageType": [
      "ORIGINAL",
      "PRIMARY",
      "M",
      "ND",
      "NORM",
      "MOSAIC"
    ],
    "InPlanePhaseEncodingDirectionDICOM": "COL",
    "InstitutionAddress": "Washington Rd, Princeton, NJ 08540, USA",
    "InstitutionName": "Princeton University",
    "InstitutionalDepartmentName": "Princeton Neuroscience Institute",
    "MRAcquisitionType": "2D",
    "MagneticFieldStrength": 3,
    "Manufacturer": "Siemens",
    "ManufacturersModelName": "Prisma",
    "Modality": "MR",
    "MultibandAccelerationFactor": 3,
    "NumberOfVolumesDiscardedByScanner": 3,
    "PartialFourier": 1,
    "PatientPosition": "HFS",
    "PercentPhaseFOV": 100,
    "PhaseEncodingDirection": "j-",
    "PhaseEncodingSteps": 96,
    "PhaseResolution": 1,
    "PixelBandwidth": 2480,
    "ProcedureStepDescription": "Hasson_Nastase_042518_Storyteller",
    "ProtocolName": "func_task-forgot",
    "PulseSequenceDetails": "%SiemensSeq%_ep2d_bold",
    "ReceiveCoilActiveElements": "HC1-7;NC1",
    "ReceiveCoilName": "HeadNeck_64",
    "ReconMatrixPE": 96,
    "RepetitionTime": 1.5,
    "SAR": 0.0366644,
    "ScanOptions": "FS",
    "ScanningSequence": "EP",
    "SequenceName": "_epfid2d1_96",
    "SequenceVariant": "SK",
    "SeriesDescription": "func_task-forgot",
    "SeriesNumber": 11,
    "ShimSetting": [
      760,
      510,
      2093,
      869,
      -69,
      13,
      65,
      -3
    ],
    "SliceThickness": 2.5,
    "SliceTiming": [
      1.11,
      0,
      0.74,
      0.0925,
      0.8325,
      0.185,
      0.925,
      0.2775,
      1.0175,
      0.4625,
      1.2025,
      0.555,
      1.295,
      0.6475,
      1.3875,
      0.37,
      1.11,
      0,
      0.74,
      0.0925,
      0.8325,
      0.185,
      0.925,
      0.2775,
      1.0175,
      0.4625,
      1.2025,
      0.555,
      1.295,
      0.6475,
      1.3875,
      0.37,
      1.11,
      0,
      0.74,
      0.0925,
      0.8325,
      0.185,
      0.925,
      0.2775,
      1.0175,
      0.4625,
      1.2025,
      0.555,
      1.295,
      0.6475,
      1.3875,
      0.37
    ],
    "SoftwareVersions": "syngo_MR_E11",
    "SpacingBetweenSlices": 2.5,
    "StationName": "AWP66018",
    "TaskDescription": "Passively listened to audio story 'forgot'",
    "TaskName": "forgot",
    "TotalReadoutTime": 0.0484496,
    "TxRefAmp": 232.11,
    "dataset": "ds002345",
    "modality": "bold",
    "subject_id": "285",
    "task_id": "forgot"
  },
  "dummy_trs": 0,
  "dvars_nstd": 27.68830463153579,
  "dvars_std": 1.2814383199301917,
  "dvars_vstd": 1.0019251520418837,
  "efc": 0.4731639478927345,
  "fber": 3702.682861328125,
  "fd_mean": 0.10665603018157127,
  "fd_num": 16,
  "fd_perc": 2.7874564459930316,
  "fwhm_avg": 1.9505279999999996,
  "fwhm_x": 1.827008,
  "fwhm_y": 2.1831679999999998,
  "fwhm_z": 1.841408,
  "gcor": 0.0143715,
  "gsr_x": -0.01985122449696064,
  "gsr_y": 0.027972713112831116,
  "provenance": {
    "md5sum": "420a68a85e483a5aee2a9c97f805aa46",
    "settings": {
      "fd_thres": 0.2,
      "testing": false
    },
    "software": "mriqc",
    "version": "22.0.0rc1",
    "webapi_port": null,
    "webapi_url": "https://mriqc.nimh.nih.gov/api/v1"
  },
  "size_t": 574,
  "size_x": 96,
  "size_y": 96,
  "size_z": 48,
  "snr": 6.155935795648072,
  "spacing_tr": 1.5,
  "spacing_x": 2.5,
  "spacing_y": 2.5,
  "spacing_z": 2.5,
  "summary_bg_k": 23.80153338070355,
  "summary_bg_mad": 7.307111338040369,
  "summary_bg_mean": 30.70286750793457,
  "summary_bg_median": 11.38850212097168,
  "summary_bg_n": 308725.0,
  "summary_bg_p05": 4.867595672607422,
  "summary_bg_p95": 128.96132202148436,
  "summary_bg_stdv": 57.97091293334961,
  "summary_fg_k": 2.7397214048978844,
  "summary_fg_mad": 106.5471939543678,
  "summary_fg_mean": 704.7550048828125,
  "summary_fg_median": 705.7848510742188,
  "summary_fg_n": 70990.0,
  "summary_fg_p05": 543.7783966064453,
  "summary_fg_p95": 881.4207336425782,
  "summary_fg_stdv": 114.65029907226562,
  "tsnr": 62.754513069288805
}