{
  "aor": 0.0007884102564102564,
  "aqi": 0.006981942897435898,
  "bids_meta": {
    "AcquisitionMatrixPE": 96,
    "BandwidthPerPixelPhaseEncode": 20.425,
    "BaseResolution": 96,
    "BodyPartExamined": "BRAIN",
    "ConsistencyInfo": "N4_VE11C_LATEST_20160120",
    "ConversionSoftware": "dcm2niix",
    "ConversionSoftwareVersion": "v1.0.20180328 GCC6.3.0",
    "DerivedVendorReportedEchoSpacing": 0.000509996,
    "DeviceSerialNumber": "66018",
    "DwellTime": 2.1e-06,
    "EchoTime": 0.031,
    "EchoTrainLength": 96,
    "EffectiveEchoSpacing": 0.000509996,
    "FlipAngle": 67,
    "ImageOrientationPatientDICOM": [
      1,
      0,
      0,
      0,
      1,
      0
    ],
    "ImageType": [
      "ORIGINAL",
      "PRIMARY",
      "M",
      "ND",
      "NORM",
      "MOSAIC"
    ],
    "InPlanePhaseEncodingDirectionDICOM": "COL",
    "InstitutionAddress": "Washington Rd, Princeton, NJ 08540, USA",
    "InstitutionName": "Princeton University",
    "InstitutionalDepartmentName": "Princeton Neuroscience Institute",
    "MRAcquisitionType": "2D",
    "MagneticFieldStrength": 3,
    "Manufacturer": "Siemens",
    "ManufacturersModelName": "Prisma",
    "Modality": "MR",
    "MultibandAccelerationFactor": 3,
    "NumberOfVolumesDiscardedByScanner": 3,
    "PartialFourier": 1,
    "PatientPosition": "HFS",
    "PercentPhaseFOV": 100,
    "PhaseEncodingDirection": "j-",
    "PhaseEncodingSteps": 96,
    "PhaseResolution": 1,
    "PixelBandwidth": 2480,
    "ProcedureStepDescription": "Hasson_Nastase_042518_Storyteller",
    "ProtocolName": "func_task-bronx",
    "PulseSequenceDetails": "%SiemensSeq%_ep2d_bold",
    "ReceiveCoilActiveElements": "HC1-7;NC1",
    "ReceiveCoilName": "HeadNeck_64",
    "ReconMatrixPE": 96,
    "RepetitionTime": 1.5,
    "SAR": 0.0366426,
    "ScanOptions": "FS",
    "ScanningSequence": "EP",
    "SequenceName": "_epfid2d1_96",
    "SequenceVariant": "SK",
    "SeriesDescription": "func_task-bronx",
    "SeriesNumber": 7,
    "ShimSetting": [
      760,
      510,
      2093,
      869,
      -69,
      13,
      65,
      -3
    ],
    "SliceThickness": 2.5,
    "SliceTiming": [
      1.11,
      0,
      0.74,
      0.0925,
      0.8325,
      0.185,
      0.925,
      0.2775,
      1.0175,
      0.4625,
      1.2025,
      0.555,
      1.295,
      0.6475,
      1.3875,
      0.37,
      1.11,
      0,
      0.74,
      0.0925,
      0.8325,
      0.185,
      0.925,
      0.2775,
      1.0175,
      0.4625,
      1.2025,
      0.555,
      1.295,
      0.6475,
      1.3875,
      0.37,
      1.11,
      0,
      0.74,
      0.0925,
      0.8325,
      0.185,
      0.925,
      0.2775,
      1.0175,
      0.4625,
      1.2025,
      0.555,
      1.295,
      0.6475,
      1.3875,
      0.37
    ],
    "SoftwareVersions": "syngo_MR_E11",
    "SpacingBetweenSlices": 2.5,
    "StationName": "AWP66018",
    "TaskDescription": "Passively listened to audio story 'bronx'",
    "TaskName": "bronx",
    "TotalReadoutTime": 0.0484496,
    "TxRefAmp": 232.11,
    "dataset": "ds002345",
    "modality": "bold",
    "subject_id": "285",
    "task_id": "bronx"
  },
  "dummy_trs": 0,
  "dvars_nstd": 28.2035853330848,
  "dvars_std": 1.305767525141388,
  "dvars_vstd": 1.0081332533676082,
  "efc": 0.47282556369304035,
  "fber": 3806.42529296875,
  "fd_mean": 0.1013810787222501,
  "fd_num": 16,
  "fd_perc": 4.102564102564102,
  "fwhm_avg": 2.030397333333333,
  "fwhm_x": 1.8765720000000001,
  "fwhm_y": 2.29044,
  "fwhm_z": 1.9241800000000002,
  "gcor": 0.0133676,
  "gsr_x": -0.019645197317004204,
  "gsr_y": 0.0292548555880785,
  "provenance": {
    "md5sum": "138b6a837d0748b18206825942b5b880",
    "settings": {
      "fd_thres": 0.2,
      "testing": false
    },
    "software": "mriqc",
    "version": "22.0.0rc1",
    "webapi_port": null,
    "webapi_url": "https://mriqc.nimh.nih.gov/api/v1"
  },
  "size_t": 390,
  "size_x": 96,
  "size_y": 96,
  "size_z": 48,
  "snr": 5.850537718047737,
  "spacing_tr": 1.5,
  "spacing_x": 2.5,
  "spacing_y": 2.5,
  "spacing_z": 2.5,
  "summary_bg_k": 25.82696354813807,
  "summary_bg_mad": 7.226737075124804,
  "summary_bg_mean": 29.547121047973633,
  "summary_bg_median": 11.253846168518066,
  "summary_bg_n": 307462.0,
  "summary_bg_p05": 4.905128479003906,
  "summary_bg_p95": 121.92538757324225,
  "summary_bg_stdv": 54.833221435546875,
  "summary_fg_k": 4.047385871951466,
  "summary_fg_mad": 106.97159607868366,
  "summary_fg_mean": 705.5164794921875,
  "summary_fg_median": 708.8487548828125,
  "summary_fg_n": 71623.0,
  "summary_fg_p05": 540.318505859375,
  "summary_fg_p95": 885.0869628906249,
  "summary_fg_stdv": 121.15874481201172,
  "tsnr": 65.1212303522043
}