{
  "aor": 0.0009691999999999999,
  "aqi": 0.014319115527272728,
  "bids_meta": {
    "AcquisitionMatrixPE": 96,
    "BandwidthPerPixelPhaseEncode": 20.425,
    "BaseResolution": 96,
    "BodyPartExamined": "BRAIN",
    "ConsistencyInfo": "N4_VE11C_LATEST_20160120",
    "ConversionSoftware": "dcm2niix",
    "ConversionSoftwareVersion": "v1.0.20180328 GCC6.3.0",
    "DerivedVendorReportedEchoSpacing": 0.000509996,
    "DeviceSerialNumber": "66018",
    "DwellTime": 2.1e-06,
    "EchoTime": 0.031,
    "EchoTrainLength": 96,
    "EffectiveEchoSpacing": 0.000509996,
    "FlipAngle": 67,
    "ImageOrientationPatientDICOM": [
      1,
      0,
      0,
      0,
      1,
      0
    ],
    "ImageType": [
      "ORIGINAL",
      "PRIMARY",
      "M",
      "ND",
      "NORM",
      "MOSAIC"
    ],
    "InPlanePhaseEncodingDirectionDICOM": "COL",
    "InstitutionAddress": "Washington Rd, Princeton, NJ 08540, USA",
    "InstitutionName": "Princeton University",
    "InstitutionalDepartmentName": "Princeton Neuroscience Institute",
    "MRAcquisitionType": "2D",
    "MagneticFieldStrength": 3,
    "Manufacturer": "Siemens",
    "ManufacturersModelName": "Prisma",
    "Modality": "MR",
    "MultibandAccelerationFactor": 3,
    "NumberOfVolumesDiscardedByScanner": 3,
    "PartialFourier": 1,
    "PatientPosition": "HFS",
    "PercentPhaseFOV": 100,
    "PhaseEncodingDirection": "j-",
    "PhaseEncodingSteps": 96,
    "PhaseResolution": 1,
    "PixelBandwidth": 2480,
    "ProcedureStepDescription": "Hasson_Nastase_042518_Storyteller",
    "ProtocolName": "func_task-black",
    "PulseSequenceDetails": "%SiemensSeq%_ep2d_bold",
    "ReceiveCoilActiveElements": "HC1-7;NC1",
    "ReceiveCoilName": "HeadNeck_64",
    "ReconMatrixPE": 96,
    "RepetitionTime": 1.5,
    "SAR": 0.0366623,
    "ScanOptions": "FS",
    "ScanningSequence": "EP",
    "SequenceName": "_epfid2d1_96",
    "SequenceVariant": "SK",
    "SeriesDescription": "func_task-black",
    "SeriesNumber": 10,
    "ShimSetting": [
      760,
      510,
      2093,
      869,
      -69,
      13,
      65,
      -3
    ],
    "SliceThickness": 2.5,
    "SliceTiming": [
      1.11,
      0,
      0.74,
      0.0925,
      0.8325,
      0.185,
      0.925,
      0.2775,
      1.0175,
      0.4625,
      1.2025,
      0.555,
      1.295,
      0.6475,
      1.3875,
      0.37,
      1.11,
      0,
      0.74,
      0.0925,
      0.8325,
      0.185,
      0.925,
      0.2775,
      1.0175,
      0.4625,
      1.2025,
      0.555,
      1.295,
      0.6475,
      1.3875,
      0.37,
      1.11,
      0,
      0.74,
      0.0925,
      0.8325,
      0.185,
      0.925,
      0.2775,
      1.0175,
      0.4625,
      1.2025,
      0.555,
      1.295,
      0.6475,
      1.3875,
      0.37
    ],
    "SoftwareVersions": "syngo_MR_E11",
    "SpacingBetweenSlices": 2.5,
    "StationName": "AWP66018",
    "TaskDescription": "Passively listened to audio story 'black'",
    "TaskName": "black",
    "TotalReadoutTime": 0.0484496,
    "TxRefAmp": 232.11,
    "dataset": "ds002345",
    "modality": "bold",
    "subject_id": "285",
    "task_id": "black"
  },
  "dummy_trs": 0,
  "dvars_nstd": 28.183866566903458,
  "dvars_std": 1.2226347671948998,
  "dvars_vstd": 0.9732347304918028,
  "efc": 0.4731717411202976,
  "fber": 3735.100830078125,
  "fd_mean": 0.11854191126167513,
  "fd_num": 53,
  "fd_perc": 9.636363636363637,
  "fwhm_avg": 2.0780533333333335,
  "fwhm_x": 1.914536,
  "fwhm_y": 2.340644,
  "fwhm_z": 1.97898,
  "gcor": 0.0154208,
  "gsr_x": -0.019241107627749443,
  "gsr_y": 0.02897588163614273,
  "provenance": {
    "md5sum": "238df5f27d6f50018930926c9f909fac",
    "settings": {
      "fd_thres": 0.2,
      "testing": false
    },
    "software": "mriqc",
    "version": "22.0.0rc1",
    "webapi_port": null,
    "webapi_url": "https://mriqc.nimh.nih.gov/api/v1"
  },
  "size_t": 550,
  "size_x": 96,
  "size_y": 96,
  "size_z": 48,
  "snr": 5.782011851554458,
  "spacing_tr": 1.5,
  "spacing_x": 2.5,
  "spacing_y": 2.5,
  "spacing_z": 2.5,
  "summary_bg_k": 24.993058800183267,
  "summary_bg_mad": 7.294404442080792,
  "summary_bg_mean": 29.64583969116211,
  "summary_bg_median": 11.359999656677246,
  "summary_bg_n": 307454.0,
  "summary_bg_p05": 4.876363754272461,
  "summary_bg_p95": 122.52927017211888,
  "summary_bg_stdv": 54.35586929321289,
  "summary_fg_k": 3.981601633732634,
  "summary_fg_mad": 107.65842169138249,
  "summary_fg_mean": 702.9364624023438,
  "summary_fg_median": 706.739990234375,
  "summary_fg_n": 71723.0,
  "summary_fg_p05": 535.3672485351562,
  "summary_fg_p95": 883.9094482421873,
  "summary_fg_stdv": 122.2299575805664,
  "tsnr": 49.58311156311538
}