{
  "bids_meta": {
    "DeviceSerialNumber": "45031",
    "DwellTime": 8.2e-06,
    "EchoTime": 0.00308,
    "FlipAngle": 9,
    "InstitutionAddress": "Washington Rd, Princeton, NJ 08540, USA",
    "InstitutionName": "Princeton University",
    "InstitutionalDepartmentName": "Princeton Neuroscience Institute",
    "InversionTime": 0.9,
    "MagneticFieldStrength": 3,
    "Manufacturer": "Siemens",
    "ManufacturersModelName": "Skyra",
    "ParallelReductionFactorInPlane": 2,
    "ParallelReductionType": "GRAPPA",
    "PartialFourier": 1,
    "PixelBandwidth": 240,
    "PulseSequenceDetails": "%SiemensSeq%_tfl",
    "PulseSequenceType": "MPRAGE",
    "ReceiveCoilActiveElements": "HE1-4",
    "ReceiveCoilName": "HeadNeck_20",
    "RepetitionTime": 2.3,
    "ScanOptions": "IR",
    "ScanningSequence": "GR_IR",
    "SequenceName": "_tfl3d1_16ns",
    "SequenceVariant": "SK_SP_MP",
    "SoftwareVersions": "syngo_MR_D11",
    "StationName": "AWP45031",
    "dataset": "ds002345",
    "modality": "T1w",
    "subject_id": "105"
  },
  "cjv": 0.48937712979954207,
  "cnr": 2.7338539936035797,
  "efc": 0.635530465794007,
  "fber": 945.5625,
  "fwhm_avg": 3.4493072668480877,
  "fwhm_x": 3.4942665278169898,
  "fwhm_y": 3.5842443636363637,
  "fwhm_z": 3.269410909090909,
  "icvs_csf": 0.1960577658408662,
  "icvs_gm": 0.4058867199033307,
  "icvs_wm": 0.3980555142558031,
  "inu_med": 1.4895302057266235,
  "inu_range": 0.5109650075435637,
  "provenance": {
    "md5sum": "29621b3d0ba0ab82649cd640f33d9955",
    "settings": {
      "testing": false
    },
    "software": "mriqc",
    "version": "22.0.0rc1",
    "warnings": {
      "large_rot_frame": true,
      "small_air_mask": false
    },
    "webapi_port": null,
    "webapi_url": "https://mriqc.nimh.nih.gov/api/v1"
  },
  "qi_1": 0.0,
  "qi_2": 0.0031428051710901544,
  "rpve_csf": 21.535620349152694,
  "rpve_gm": 10.919209435327353,
  "rpve_wm": 13.699110750576569,
  "size_x": 192,
  "size_y": 256,
  "size_z": 256,
  "snr_csf": 3.673192041708646,
  "snr_gm": 9.126898453098661,
  "snr_total": 9.896729387636094,
  "snr_wm": 16.890097668100974,
  "snrd_csf": 22.232831715015564,
  "snrd_gm": 38.482506193508,
  "snrd_total": 37.912681694791516,
  "snrd_wm": 53.022707175850975,
  "spacing_x": 0.9000000357627869,
  "spacing_y": 0.859375,
  "spacing_z": 0.859375,
  "summary_bg_k": 248.8221292273894,
  "summary_bg_mad": 12.3565214160238,
  "summary_bg_mean": 21.70595655630909,
  "summary_bg_median": 19.467087984085083,
  "summary_bg_n": 2570647.0,
  "summary_bg_p05": 2.8592285476624966,
  "summary_bg_p95": 47.511861611157656,
  "summary_bg_stdv": 15.265322490368327,
  "summary_csf_k": 0.679815709425553,
  "summary_csf_mad": 110.48714404838799,
  "summary_csf_mean": 412.71901845154554,
  "summary_csf_median": 419.33324210718274,
  "summary_csf_n": 10349.0,
  "summary_csf_p05": 220.69594308957457,
  "summary_csf_p95": 587.6262177295984,
  "summary_csf_stdv": 114.15493044047416,
  "summary_gm_k": 0.11537907585919749,
  "summary_gm_mad": 77.1155168664259,
  "summary_gm_mean": 729.5967940550198,
  "summary_gm_median": 725.8182085566223,
  "summary_gm_n": 22938.0,
  "summary_gm_p05": 603.4706023091451,
  "summary_gm_p95": 867.8671161904931,
  "summary_gm_stdv": 79.52344280025626,
  "summary_wm_k": 0.32572873423961246,
  "summary_wm_mad": 57.09254055724865,
  "summary_wm_mean": 999.6434662842714,
  "summary_wm_median": 1000.0608105324209,
  "summary_wm_n": 334321.0,
  "summary_wm_p05": 901.7520162127912,
  "summary_wm_p95": 1095.9970535039902,
  "summary_wm_stdv": 59.209800589872316,
  "tpm_overlap_csf": 0.1550118327140808,
  "tpm_overlap_gm": 0.42356133460998535,
  "tpm_overlap_wm": 0.4951761066913605,
  "wm2max": 0.4955753567639763
}