{
  "aor": 0.00046576666666666675,
  "aqi": 0.005095321066666666,
  "bids_meta": {
    "CogAtlasID": "https://www.cognitiveatlas.org/task/id/trm_4c8991fadfe01",
    "DeviceSerialNumber": "45031",
    "DwellTime": 5.4e-06,
    "EchoTime": 0.028,
    "EffectiveEchoSpacing": 0.000390001,
    "FlipAngle": 64,
    "InstitutionAddress": "Washington Rd, Princeton, NJ 08540, USA",
    "InstitutionName": "Princeton University",
    "InstitutionalDepartmentName": "Princeton Neuroscience Institute",
    "MagneticFieldStrength": 3,
    "Manufacturer": "Siemens",
    "ManufacturersModelName": "Skyra",
    "NumberOfVolumesDiscardedByScanner": 3,
    "ParallelReductionFactorInPlane": 2,
    "ParallelReductionType": "GRAPPA",
    "PartialFourier": 1,
    "PhaseEncodingDirection": "j-",
    "PixelBandwidth": 1445,
    "PulseSequenceDetails": "%SiemensSeq%_ep2d_bold",
    "PulseSequenceType": "Gradient Echo EPI",
    "ReceiveCoilActiveElements": "HE1-4",
    "ReceiveCoilName": "HeadNeck_20",
    "RepetitionTime": 1.5,
    "ScanOptions": "FS",
    "ScanningSequence": "EP",
    "SequenceName": "_epfid2d1_64",
    "SequenceVariant": "SK",
    "SliceTiming": [
      0,
      0.7775,
      0.055,
      0.8325,
      0.11,
      0.89,
      0.1675,
      0.945,
      0.2225,
      1,
      0.2775,
      1.055,
      0.3325,
      1.11,
      0.39,
      1.1675,
      0.445,
      1.2225,
      0.5,
      1.2775,
      0.555,
      1.3325,
      0.61,
      1.3875,
      0.6675,
      1.445,
      0.7225
    ],
    "SoftwareVersions": "syngo_MR_D11",
    "StationName": "AWP45031",
    "TaskDescription": "Passively listened to audio story 'pieman'",
    "TaskName": "pieman",
    "TotalReadoutTime": 0.0245701,
    "dataset": "ds002345",
    "modality": "bold",
    "run_id": 2,
    "subject_id": "004",
    "task_id": "pieman"
  },
  "dummy_trs": 0,
  "dvars_nstd": 19.422540077859523,
  "dvars_std": 1.1229496028093646,
  "dvars_vstd": 0.9971938604347825,
  "efc": 0.6326325434245551,
  "fber": 1221.2196044921875,
  "fd_mean": 0.09032546301615302,
  "fd_num": 1,
  "fd_perc": 0.3333333333333333,
  "fwhm_avg": 1.8411898683488748,
  "fwhm_x": 1.7869401420132434,
  "fwhm_y": 2.0792266666666666,
  "fwhm_z": 1.6574027963667146,
  "gcor": 0.0241505,
  "gsr_x": -0.0030067283660173416,
  "gsr_y": 0.04947942495346069,
  "provenance": {
    "md5sum": "1d84d24d19b127a5d64e57fc8b430da4",
    "settings": {
      "fd_thres": 0.2,
      "testing": false
    },
    "software": "mriqc",
    "version": "21.0.0rc2",
    "webapi_port": null,
    "webapi_url": "https://mriqc.nimh.nih.gov/api/v1"
  },
  "size_t": 300,
  "size_x": 64,
  "size_y": 64,
  "size_z": 27,
  "snr": 6.742431395217573,
  "spacing_tr": 1.5,
  "spacing_x": 2.999999761581421,
  "spacing_y": 3.0,
  "spacing_z": 3.9999992847442627,
  "summary_bg_k": 16.87517874198258,
  "summary_bg_mad": 14.22309573697825,
  "summary_bg_mean": 48.87342834472656,
  "summary_bg_median": 17.979999542236328,
  "summary_bg_n": 49900.0,
  "summary_bg_p05": 7.109833478927613,
  "summary_bg_p95": 187.48734436035093,
  "summary_bg_stdv": 76.06649017333984,
  "summary_fg_k": 2.6027477145723754,
  "summary_fg_mad": 91.64461650339041,
  "summary_fg_mean": 695.48828125,
  "summary_fg_median": 688.703369140625,
  "summary_fg_n": 31135.0,
  "summary_fg_p05": 553.3380249023437,
  "summary_fg_p95": 863.3186767578125,
  "summary_fg_stdv": 102.14302062988281,
  "tsnr": 79.50444002333097
}