{
  "aor": 0.0016450434782608696,
  "aqi": 0.010153731932367151,
  "bids_meta": {
    "CogAtlasID": "https://www.cognitiveatlas.org/task/id/trm_4c8991fadfe01",
    "DeviceSerialNumber": "45031",
    "DwellTime": 5.4e-06,
    "EchoTime": 0.028,
    "EffectiveEchoSpacing": 0.000390001,
    "FlipAngle": 64,
    "InstitutionAddress": "Washington Rd, Princeton, NJ 08540, USA",
    "InstitutionName": "Princeton University",
    "InstitutionalDepartmentName": "Princeton Neuroscience Institute",
    "MagneticFieldStrength": 3,
    "Manufacturer": "Siemens",
    "ManufacturersModelName": "Skyra",
    "NumberOfVolumesDiscardedByScanner": 3,
    "ParallelReductionFactorInPlane": 2,
    "ParallelReductionType": "GRAPPA",
    "PartialFourier": 1,
    "PhaseEncodingDirection": "j-",
    "PixelBandwidth": 1445,
    "PulseSequenceDetails": "%SiemensSeq%_ep2d_bold",
    "PulseSequenceType": "Gradient Echo EPI",
    "ReceiveCoilActiveElements": "HE1-4",
    "ReceiveCoilName": "HeadNeck_20",
    "RepetitionTime": 1.5,
    "ScanOptions": "FS",
    "ScanningSequence": "EP",
    "SequenceName": "_epfid2d1_64",
    "SequenceVariant": "SK",
    "SliceTiming": [
      0,
      0.7775,
      0.055,
      0.8325,
      0.1125,
      0.89,
      0.1675,
      0.945,
      0.2225,
      1,
      0.2775,
      1.055,
      0.3325,
      1.11,
      0.39,
      1.1675,
      0.445,
      1.2225,
      0.5,
      1.2775,
      0.555,
      1.3325,
      0.6125,
      1.39,
      0.6675,
      1.445,
      0.7225
    ],
    "SoftwareVersions": "syngo_MR_D11",
    "StationName": "AWP45031",
    "TaskDescription": "Passively listened to audio story 'tunnel'",
    "TaskName": "tunnel",
    "TotalReadoutTime": 0.0245701,
    "dataset": "ds002345",
    "modality": "bold",
    "subject_id": "004",
    "task_id": "tunnel"
  },
  "dummy_trs": 0,
  "dvars_nstd": 19.657993412437115,
  "dvars_std": 1.1481708553578336,
  "dvars_vstd": 0.9770985796905222,
  "efc": 0.6386424596313408,
  "fber": 1166.0311279296875,
  "fd_mean": 0.0753540800118131,
  "fd_num": 0,
  "fd_perc": 0.0,
  "fwhm_avg": 1.8635113888888888,
  "fwhm_x": 1.8466766666666665,
  "fwhm_y": 2.08823,
  "fwhm_z": 1.6556275,
  "gcor": 0.0688988,
  "gsr_x": -0.012370065785944462,
  "gsr_y": 0.03809908404946327,
  "provenance": {
    "md5sum": "27bb421a658d15c990f3e0912375bf4d",
    "settings": {
      "fd_thres": 0.2,
      "testing": false
    },
    "software": "mriqc",
    "version": "21.0.0rc2",
    "webapi_port": null,
    "webapi_url": "https://mriqc.nimh.nih.gov/api/v1"
  },
  "size_t": 1035,
  "size_x": 64,
  "size_y": 64,
  "size_z": 27,
  "snr": 6.759556507204978,
  "spacing_tr": 1.5,
  "spacing_x": 3.0,
  "spacing_y": 3.0,
  "spacing_z": 4.0,
  "summary_bg_k": 15.739786109122576,
  "summary_bg_mad": 14.227251246850866,
  "summary_bg_mean": 46.934627532958984,
  "summary_bg_median": 18.242511749267578,
  "summary_bg_n": 48923.0,
  "summary_bg_p05": 7.076328277587891,
  "summary_bg_p95": 183.5410568237305,
  "summary_bg_stdv": 71.0556411743164,
  "summary_fg_k": 2.5074634129776694,
  "summary_fg_mad": 90.42733348072576,
  "summary_fg_mean": 687.8773193359375,
  "summary_fg_median": 681.8077392578125,
  "summary_fg_n": 31837.0,
  "summary_fg_p05": 544.27880859375,
  "summary_fg_p95": 852.625305175781,
  "summary_fg_stdv": 100.86416625976562,
  "tsnr": 60.3254222497344
}