{
  "aor": 0.0005357333333333333,
  "aqi": 0.0055908493999999994,
  "bids_meta": {
    "CogAtlasID": "https://www.cognitiveatlas.org/task/id/trm_4c8991fadfe01",
    "DeviceSerialNumber": "45031",
    "DwellTime": 5.4e-06,
    "EchoTime": 0.028,
    "EffectiveEchoSpacing": 0.000390001,
    "FlipAngle": 64,
    "InstitutionAddress": "Washington Rd, Princeton, NJ 08540, USA",
    "InstitutionName": "Princeton University",
    "InstitutionalDepartmentName": "Princeton Neuroscience Institute",
    "MagneticFieldStrength": 3,
    "Manufacturer": "Siemens",
    "ManufacturersModelName": "Skyra",
    "NumberOfVolumesDiscardedByScanner": 3,
    "ParallelReductionFactorInPlane": 2,
    "ParallelReductionType": "GRAPPA",
    "PartialFourier": 1,
    "PhaseEncodingDirection": "j-",
    "PixelBandwidth": 1445,
    "PulseSequenceDetails": "%SiemensSeq%_ep2d_bold",
    "PulseSequenceType": "Gradient Echo EPI",
    "ReceiveCoilActiveElements": "HE1-4",
    "ReceiveCoilName": "HeadNeck_20",
    "RepetitionTime": 1.5,
    "ScanOptions": "FS",
    "ScanningSequence": "EP",
    "SequenceName": "_epfid2d1_64",
    "SequenceVariant": "SK",
    "SliceTiming": [
      0,
      0.7775,
      0.055,
      0.8325,
      0.11,
      0.89,
      0.1675,
      0.945,
      0.2225,
      1,
      0.2775,
      1.055,
      0.3325,
      1.11,
      0.39,
      1.1675,
      0.445,
      1.2225,
      0.5,
      1.2775,
      0.555,
      1.3325,
      0.61,
      1.3875,
      0.6675,
      1.445,
      0.7225
    ],
    "SoftwareVersions": "syngo_MR_D11",
    "StationName": "AWP45031",
    "TaskDescription": "Passively listened to audio story 'pieman'",
    "TaskName": "pieman",
    "TotalReadoutTime": 0.0245701,
    "dataset": "ds002345",
    "modality": "bold",
    "subject_id": "025",
    "task_id": "pieman"
  },
  "dummy_trs": 0,
  "dvars_nstd": 24.3730865146154,
  "dvars_std": 1.3279599911705695,
  "dvars_vstd": 0.9769584657525091,
  "efc": 0.6232554862137971,
  "fber": 1668.235107421875,
  "fd_mean": 0.09627448102692507,
  "fd_num": 4,
  "fd_perc": 1.3333333333333333,
  "fwhm_avg": 1.76847,
  "fwhm_x": 1.7498233333333333,
  "fwhm_y": 1.9227766666666666,
  "fwhm_z": 1.63281,
  "gcor": 0.0262737,
  "gsr_x": -0.00823929626494646,
  "gsr_y": 0.026892561465501785,
  "provenance": {
    "md5sum": "04a4274475fd84b69495b51f0d149e1a",
    "settings": {
      "fd_thres": 0.2,
      "testing": false
    },
    "software": "mriqc",
    "version": "21.0.0rc2",
    "webapi_port": null,
    "webapi_url": "https://mriqc.nimh.nih.gov/api/v1"
  },
  "size_t": 300,
  "size_x": 64,
  "size_y": 64,
  "size_z": 27,
  "snr": 6.255050836717911,
  "spacing_tr": 1.5,
  "spacing_x": 3.0,
  "spacing_y": 3.0,
  "spacing_z": 4.0,
  "summary_bg_k": 9.955171669456385,
  "summary_bg_mad": 12.730613047907884,
  "summary_bg_mean": 53.13132095336914,
  "summary_bg_median": 17.693334579467773,
  "summary_bg_n": 51374.0,
  "summary_bg_p05": 7.2866668701171875,
  "summary_bg_p95": 244.2796730041503,
  "summary_bg_stdv": 85.14749908447266,
  "summary_fg_k": 1.6849162521239265,
  "summary_fg_mad": 114.61748539443704,
  "summary_fg_mean": 780.63623046875,
  "summary_fg_median": 769.9883422851562,
  "summary_fg_n": 30692.0,
  "summary_fg_p05": 608.3113616943359,
  "summary_fg_p95": 990.7751770019528,
  "summary_fg_stdv": 123.09664916992188,
  "tsnr": 74.85399841389153
}