{
  "aor": 0.0019388065447545715,
  "aqi": 0.007321212021174206,
  "bids_meta": {
    "CogAtlasID": "https://www.cognitiveatlas.org/task/id/trm_4c8991fadfe01",
    "DeviceSerialNumber": "45031",
    "DwellTime": 5.4e-06,
    "EchoTime": 0.028,
    "EffectiveEchoSpacing": 0.000390001,
    "FlipAngle": 64,
    "InstitutionAddress": "Washington Rd, Princeton, NJ 08540, USA",
    "InstitutionName": "Princeton University",
    "InstitutionalDepartmentName": "Princeton Neuroscience Institute",
    "MagneticFieldStrength": 3,
    "Manufacturer": "Siemens",
    "ManufacturersModelName": "Skyra",
    "NumberOfVolumesDiscardedByScanner": 3,
    "ParallelReductionFactorInPlane": 2,
    "ParallelReductionType": "GRAPPA",
    "PartialFourier": 1,
    "PhaseEncodingDirection": "j-",
    "PixelBandwidth": 1445,
    "PulseSequenceDetails": "%SiemensSeq%_ep2d_bold",
    "PulseSequenceType": "Gradient Echo EPI",
    "ReceiveCoilActiveElements": "HE1-4",
    "ReceiveCoilName": "HeadNeck_20",
    "RepetitionTime": 1.5,
    "ScanOptions": "FS",
    "ScanningSequence": "EP",
    "SequenceName": "_epfid2d1_64",
    "SequenceVariant": "SK",
    "SliceTiming": [
      0,
      0.7775,
      0.055,
      0.8325,
      0.1125,
      0.89,
      0.1675,
      0.945,
      0.2225,
      1,
      0.2775,
      1.055,
      0.3325,
      1.11,
      0.39,
      1.1675,
      0.445,
      1.2225,
      0.5,
      1.2775,
      0.555,
      1.3325,
      0.6125,
      1.39,
      0.6675,
      1.445,
      0.7225
    ],
    "SoftwareVersions": "syngo_MR_D11",
    "StationName": "AWP45031",
    "TaskDescription": "Passively listened to audio story 'tunnel'",
    "TaskName": "tunnel",
    "TotalReadoutTime": 0.0245701,
    "dataset": "ds002345",
    "modality": "bold",
    "subject_id": "025",
    "task_id": "tunnel"
  },
  "dummy_trs": 1,
  "dvars_nstd": 25.020920669046216,
  "dvars_std": 1.3996965109922956,
  "dvars_vstd": 1.0101478321194604,
  "efc": 0.6211804964744626,
  "fber": 1364.4049072265625,
  "fd_mean": 0.09909121082414626,
  "fd_num": 6,
  "fd_perc": 0.5774783445620789,
  "fwhm_avg": 1.7728555871344955,
  "fwhm_x": 1.7376133333333332,
  "fwhm_y": 1.9915333333333332,
  "fwhm_z": 1.5894200947368202,
  "gcor": 0.0948527,
  "gsr_x": -0.012274622917175293,
  "gsr_y": 0.044460881501436234,
  "provenance": {
    "md5sum": "94263f3e4c9a2b045eb44db50eb144d7",
    "settings": {
      "fd_thres": 0.2,
      "testing": false
    },
    "software": "mriqc",
    "version": "21.0.0rc2",
    "webapi_port": null,
    "webapi_url": "https://mriqc.nimh.nih.gov/api/v1"
  },
  "size_t": 1039,
  "size_x": 64,
  "size_y": 64,
  "size_z": 27,
  "snr": 6.2528480445357255,
  "spacing_tr": 1.5,
  "spacing_x": 3.0,
  "spacing_y": 3.0,
  "spacing_z": 3.999999761581421,
  "summary_bg_k": 15.260357577308369,
  "summary_bg_mad": 15.510958801092775,
  "summary_bg_mean": 53.316741943359375,
  "summary_bg_median": 19.166505813598633,
  "summary_bg_n": 52153.0,
  "summary_bg_p05": 6.864484882354737,
  "summary_bg_p95": 227.90664062499968,
  "summary_bg_stdv": 83.68071746826172,
  "summary_fg_k": 1.7527129905675638,
  "summary_fg_mad": 111.4078199043684,
  "summary_fg_mean": 760.131103515625,
  "summary_fg_median": 749.484130859375,
  "summary_fg_n": 30179.0,
  "summary_fg_p05": 591.3565734863281,
  "summary_fg_p95": 962.91962890625,
  "summary_fg_stdv": 119.86085510253906,
  "tsnr": 65.11613505869173
}