{
  "aor": 0.0035013175675675675,
  "aqi": 0.02007026168918919,
  "bids_meta": {
    "CogAtlasID": "https://www.cognitiveatlas.org/task/id/trm_4c8991fadfe01",
    "DeviceSerialNumber": "45031",
    "DwellTime": 5.4e-06,
    "EchoTime": 0.028,
    "EffectiveEchoSpacing": 0.000390001,
    "FlipAngle": 64,
    "InstitutionAddress": "Washington Rd, Princeton, NJ 08540, USA",
    "InstitutionName": "Princeton University",
    "InstitutionalDepartmentName": "Princeton Neuroscience Institute",
    "MagneticFieldStrength": 3,
    "Manufacturer": "Siemens",
    "ManufacturersModelName": "Skyra",
    "NumberOfVolumesDiscardedByScanner": 3,
    "ParallelReductionFactorInPlane": 2,
    "ParallelReductionType": "GRAPPA",
    "PartialFourier": 1,
    "PhaseEncodingDirection": "j-",
    "PixelBandwidth": 1445,
    "PulseSequenceDetails": "%SiemensSeq%_ep2d_bold",
    "PulseSequenceType": "Gradient Echo EPI",
    "ReceiveCoilActiveElements": "HE1-4",
    "ReceiveCoilName": "HeadNeck_20",
    "RepetitionTime": 1.52,
    "ScanOptions": "FS",
    "ScanningSequence": "EP",
    "SequenceName": "_epfid2d1_64",
    "SequenceVariant": "SK",
    "SliceTiming": [
      0,
      0.7775,
      0.0575,
      0.835,
      0.1125,
      0.89,
      0.1675,
      0.945,
      0.2225,
      1,
      0.2775,
      1.055,
      0.335,
      1.1125,
      0.39,
      1.1675,
      0.445,
      1.2225,
      0.5,
      1.2775,
      0.5575,
      1.335,
      0.6125,
      1.39,
      0.6675,
      1.445,
      0.7225
    ],
    "SoftwareVersions": "syngo_MR_E11",
    "StationName": "AWP45031",
    "TaskDescription": "Passively listened to audio story 'milkyway'",
    "TaskName": "milkyway",
    "TotalReadoutTime": 0.0245701,
    "dataset": "ds002345",
    "modality": "bold",
    "subject_id": "118",
    "task_id": "milkyway"
  },
  "dummy_trs": 1,
  "dvars_nstd": 28.482936490745782,
  "dvars_std": 1.1564807931525425,
  "dvars_vstd": 0.9505068240338979,
  "efc": 0.595529451192015,
  "fber": 1832.434326171875,
  "fd_mean": 0.24234868729250464,
  "fd_num": 106,
  "fd_perc": 35.810810810810814,
  "fwhm_avg": 1.7425366047624822,
  "fwhm_x": 1.6890133333333335,
  "fwhm_y": 1.9807266666666665,
  "fwhm_z": 1.5578698142874463,
  "gcor": 0.0260781,
  "gsr_x": -0.004540739580988884,
  "gsr_y": 0.040026649832725525,
  "provenance": {
    "md5sum": "87917e2f681b05ca66edee7dd8ab8247",
    "settings": {
      "fd_thres": 0.2,
      "testing": false
    },
    "software": "mriqc",
    "version": "22.0.0rc1",
    "webapi_port": null,
    "webapi_url": "https://mriqc.nimh.nih.gov/api/v1"
  },
  "size_t": 296,
  "size_x": 64,
  "size_y": 64,
  "size_z": 27,
  "snr": 6.772453809704467,
  "spacing_tr": 1.5199999809265137,
  "spacing_x": 3.0,
  "spacing_y": 3.0,
  "spacing_z": 4.000000476837158,
  "summary_bg_k": 17.239403464921075,
  "summary_bg_mad": 11.189639277232791,
  "summary_bg_mean": 41.372013092041016,
  "summary_bg_median": 14.743243217468262,
  "summary_bg_n": 55142.0,
  "summary_bg_p05": 5.611486434936523,
  "summary_bg_p95": 169.2795661926269,
  "summary_bg_stdv": 67.7579574584961,
  "summary_fg_k": 2.7285769484199935,
  "summary_fg_mad": 89.09888243893063,
  "summary_fg_mean": 661.8714599609375,
  "summary_fg_median": 652.858154296875,
  "summary_fg_n": 27106.0,
  "summary_fg_p05": 532.5245056152344,
  "summary_fg_p95": 821.8074645996094,
  "summary_fg_stdv": 96.39727783203125,
  "tsnr": 43.80435642111115
}