{
  "bids_meta": {
    "DeviceSerialNumber": "45031",
    "DwellTime": 8.2e-06,
    "EchoTime": 0.00308,
    "FlipAngle": 9,
    "InstitutionAddress": "Washington Rd, Princeton, NJ 08540, USA",
    "InstitutionName": "Princeton University",
    "InstitutionalDepartmentName": "Princeton Neuroscience Institute",
    "InversionTime": 0.9,
    "MagneticFieldStrength": 3,
    "Manufacturer": "Siemens",
    "ManufacturersModelName": "Skyra",
    "ParallelReductionFactorInPlane": 2,
    "ParallelReductionType": "GRAPPA",
    "PartialFourier": 1,
    "PixelBandwidth": 240,
    "PulseSequenceDetails": "%SiemensSeq%_tfl",
    "PulseSequenceType": "MPRAGE",
    "ReceiveCoilActiveElements": "HE1-4",
    "ReceiveCoilName": "HeadNeck_20",
    "RepetitionTime": 2.3,
    "ScanOptions": "IR",
    "ScanningSequence": "GR_IR",
    "SequenceName": "_tfl3d1_16ns",
    "SequenceVariant": "SK_SP_MP",
    "SoftwareVersions": "syngo_MR_D11",
    "StationName": "AWP45031",
    "dataset": "ds002345",
    "modality": "T1w",
    "subject_id": "056"
  },
  "cjv": 0.47169531549109456,
  "cnr": 2.480895648066583,
  "efc": 0.6379923319994393,
  "fber": 763.2576845733984,
  "fwhm_avg": 3.2653162864925993,
  "fwhm_x": 3.183422095724393,
  "fwhm_y": 3.4651112727272726,
  "fwhm_z": 3.1474154910261323,
  "icvs_csf": 0.1840610985868491,
  "icvs_gm": 0.439562435857947,
  "icvs_wm": 0.3763764655552039,
  "inu_med": 1.2263263463974,
  "inu_range": 0.448260349035263,
  "provenance": {
    "md5sum": "dd13631945462e4e84e1483d870fa66c",
    "settings": {
      "testing": false
    },
    "software": "mriqc",
    "version": "21.0.0rc2",
    "warnings": {
      "large_rot_frame": true,
      "small_air_mask": false
    },
    "webapi_port": null,
    "webapi_url": "https://mriqc.nimh.nih.gov/api/v1"
  },
  "qi_1": 0.0047863235580853265,
  "qi_2": 0.0006015783091108279,
  "rpve_csf": 21.995834523721346,
  "rpve_gm": 10.238402517253565,
  "rpve_wm": 13.864459789015237,
  "size_x": 192,
  "size_y": 256,
  "size_z": 256,
  "snr_csf": 1.986350659026418,
  "snr_gm": 9.213510761345121,
  "snr_total": 9.124729062505478,
  "snr_wm": 16.174325767144897,
  "snrd_csf": 18.06416770489592,
  "snrd_gm": 36.83092901670926,
  "snrd_total": 35.3300005356844,
  "snrd_wm": 51.09490488544802,
  "spacing_x": 0.9000000357627869,
  "spacing_y": 0.859375,
  "spacing_z": 0.8593749403953552,
  "summary_bg_k": 97.75105166840146,
  "summary_bg_mad": 12.823060505666648,
  "summary_bg_mean": 29.749026661753362,
  "summary_bg_median": 19.89275261759758,
  "summary_bg_n": 2767588.0,
  "summary_bg_p05": 2.854177549481392,
  "summary_bg_p95": 73.08424331247807,
  "summary_bg_stdv": 52.14800671463022,
  "summary_csf_k": 51.97690741660974,
  "summary_csf_mad": 143.4900470584098,
  "summary_csf_mean": 379.8545147359266,
  "summary_csf_median": 353.57205522060394,
  "summary_csf_n": 26037.0,
  "summary_csf_p05": 195.20844633877277,
  "summary_csf_p95": 581.0413568913937,
  "summary_csf_stdv": 177.997406323268,
  "summary_gm_k": 0.3625603321709483,
  "summary_gm_mad": 73.73259790758323,
  "summary_gm_mean": 724.0764737406668,
  "summary_gm_median": 720.8960568159819,
  "summary_gm_n": 30335.0,
  "summary_gm_p05": 599.2648480936884,
  "summary_gm_p95": 858.873918776214,
  "summary_gm_stdv": 78.24207222868054,
  "summary_wm_k": 0.5894469912656439,
  "summary_wm_mad": 57.96023348561325,
  "summary_wm_mean": 998.2553605180817,
  "summary_wm_median": 1000.0865152925253,
  "summary_wm_n": 298939.0,
  "summary_wm_p05": 893.4440632164478,
  "summary_wm_p95": 1095.744708314538,
  "summary_wm_stdv": 61.831624820854984,
  "tpm_overlap_csf": 0.1783381849527359,
  "tpm_overlap_gm": 0.43628785014152527,
  "tpm_overlap_wm": 0.4868248403072357,
  "wm2max": 0.4346338896406555
}