{
  "aor": 0.0021793203883495142,
  "aqi": 0.006409145113268608,
  "bids_meta": {
    "CogAtlasID": "https://www.cognitiveatlas.org/task/id/trm_4c8991fadfe01",
    "DeviceSerialNumber": "66018",
    "DwellTime": 4.2e-06,
    "EchoTime": 0.039,
    "EffectiveEchoSpacing": 0.000929976,
    "FlipAngle": 50,
    "InstitutionAddress": "Washington Rd, Princeton, NJ 08540, USA",
    "InstitutionName": "Princeton University",
    "InstitutionalDepartmentName": "Princeton Neuroscience Institute",
    "MagneticFieldStrength": 3,
    "Manufacturer": "Siemens",
    "ManufacturersModelName": "Prisma",
    "NumberOfVolumesDiscardedByScanner": 3,
    "ParallelReductionType": "GRAPPA",
    "PartialFourier": 0.75,
    "PhaseEncodingDirection": "j-",
    "PixelBandwidth": 1240,
    "PulseSequenceDetails": "%CustomerSeq%_ep2d_bold_sms_mgh_v22",
    "PulseSequenceType": "Gradient Echo EPI",
    "ReceiveCoilActiveElements": "HC1-7;NC1,2",
    "ReceiveCoilName": "HeadNeck_64",
    "RepetitionTime": 1.5,
    "ScanOptions": "PFP_FS",
    "ScanningSequence": "EP",
    "SequenceName": "epfSM2d1_96",
    "SequenceVariant": "SK",
    "SliceTiming": [
      0.6925,
      0,
      0.79,
      0.1,
      0.8875,
      0.1975,
      0.9875,
      0.2975,
      1.085,
      0.395,
      1.185,
      0.495,
      1.2825,
      0.5925,
      1.3825,
      0.6925,
      0,
      0.79,
      0.1,
      0.8875,
      0.1975,
      0.9875,
      0.2975,
      1.085,
      0.395,
      1.185,
      0.495,
      1.2825,
      0.5925,
      1.3825,
      0.6925,
      0,
      0.79,
      0.1,
      0.8875,
      0.1975,
      0.9875,
      0.2975,
      1.085,
      0.395,
      1.185,
      0.495,
      1.2825,
      0.5925,
      1.3825,
      0.6925,
      0,
      0.79,
      0.1,
      0.8875,
      0.1975,
      0.9875,
      0.2975,
      1.085,
      0.395,
      1.185,
      0.495,
      1.2825,
      0.5925,
      1.3825
    ],
    "SoftwareVersions": "syngo_MR_D13D",
    "StationName": "AWP66018",
    "TaskDescription": "Passively listened to audio story 'shapesphysical'",
    "TaskName": "shapesphysical",
    "TotalReadoutTime": 0.0883478,
    "dataset": "ds002345",
    "modality": "bold",
    "subject_id": "232",
    "task_id": "shapesphysical"
  },
  "dummy_trs": 2,
  "dvars_nstd": 37.934298874448025,
  "dvars_std": 1.1128785660714269,
  "dvars_vstd": 0.9885006399675321,
  "efc": 0.5731547563452325,
  "fber": 350.8542785644531,
  "fd_mean": 0.12384910891555545,
  "fd_num": 16,
  "fd_perc": 5.17799352750809,
  "fwhm_avg": 3.082513333333333,
  "fwhm_x": 2.90832,
  "fwhm_y": 3.29891,
  "fwhm_z": 3.04031,
  "gcor": 0.012017,
  "gsr_x": 0.0070828781463205814,
  "gsr_y": 0.04907500371336937,
  "provenance": {
    "md5sum": "e0dadb31f47264950abb58aba5755ce3",
    "settings": {
      "fd_thres": 0.2,
      "testing": false
    },
    "software": "mriqc",
    "version": "22.0.0rc1",
    "webapi_port": null,
    "webapi_url": "https://mriqc.nimh.nih.gov/api/v1"
  },
  "size_t": 309,
  "size_x": 96,
  "size_y": 96,
  "size_z": 60,
  "snr": 2.1553455592349344,
  "spacing_tr": 1.5,
  "spacing_x": 2.0,
  "spacing_y": 2.0,
  "spacing_z": 2.0,
  "summary_bg_k": 48.80249721373298,
  "summary_bg_mad": 6.8708294607644005,
  "summary_bg_mean": 41.79356384277344,
  "summary_bg_median": 26.818771362304688,
  "summary_bg_n": 316395.0,
  "summary_bg_p05": 20.90614891052246,
  "summary_bg_p95": 108.15534210205078,
  "summary_bg_stdv": 45.15642166137695,
  "summary_fg_k": 3.8385658261012203,
  "summary_fg_mad": 198.5103835235693,
  "summary_fg_mean": 563.3597412109375,
  "summary_fg_median": 518.3883666992188,
  "summary_fg_n": 148508.0,
  "summary_fg_p05": 273.32477111816405,
  "summary_fg_p95": 1011.159579467773,
  "summary_fg_stdv": 240.51206970214844,
  "tsnr": 37.83439783193171
}