{
  "bids_meta": {
    "DeviceSerialNumber": "45031",
    "DwellTime": 8.2e-06,
    "EchoTime": 0.00308,
    "FlipAngle": 9,
    "InstitutionAddress": "Washington Rd, Princeton, NJ 08540, USA",
    "InstitutionName": "Princeton University",
    "InstitutionalDepartmentName": "Princeton Neuroscience Institute",
    "InversionTime": 0.9,
    "MagneticFieldStrength": 3,
    "Manufacturer": "Siemens",
    "ManufacturersModelName": "Skyra",
    "ParallelReductionFactorInPlane": 2,
    "ParallelReductionType": "GRAPPA",
    "PartialFourier": 1,
    "PixelBandwidth": 240,
    "PulseSequenceDetails": "%SiemensSeq%_tfl",
    "PulseSequenceType": "MPRAGE",
    "ReceiveCoilActiveElements": "HE1-4",
    "ReceiveCoilName": "HeadNeck_20",
    "RepetitionTime": 2.3,
    "ScanOptions": "IR",
    "ScanningSequence": "GR_IR",
    "SequenceName": "_tfl3d1_16ns",
    "SequenceVariant": "SK_SP_MP",
    "SoftwareVersions": "syngo_MR_D11",
    "StationName": "AWP45031",
    "dataset": "ds002345",
    "modality": "T1w",
    "subject_id": "027"
  },
  "cjv": 0.4559042418898661,
  "cnr": 2.8762612041619287,
  "efc": 0.6109787916218699,
  "fber": 806.9743997191453,
  "fwhm_avg": 3.2297446207310876,
  "fwhm_x": 3.1865778621932628,
  "fwhm_y": 3.4159127272727274,
  "fwhm_z": 3.086743272727273,
  "icvs_csf": 0.16700106779594306,
  "icvs_gm": 0.44921321256757313,
  "icvs_wm": 0.38378571963648384,
  "inu_med": 1.415777325630188,
  "inu_range": 0.46576380729675293,
  "provenance": {
    "md5sum": "cafca95eafcb69f543f56425c7bbc1e1",
    "settings": {
      "testing": false
    },
    "software": "mriqc",
    "version": "21.0.0rc2",
    "warnings": {
      "large_rot_frame": true,
      "small_air_mask": false
    },
    "webapi_port": null,
    "webapi_url": "https://mriqc.nimh.nih.gov/api/v1"
  },
  "qi_1": 6.304833533445764e-05,
  "qi_2": 0.002230408025280789,
  "rpve_csf": 24.82637428238829,
  "rpve_gm": 10.689444238191033,
  "rpve_wm": 14.640731811988621,
  "size_x": 192,
  "size_y": 256,
  "size_z": 256,
  "snr_csf": 2.3338622576602157,
  "snr_gm": 9.380318284202149,
  "snr_total": 9.798118173858375,
  "snr_wm": 17.68017397971276,
  "snrd_csf": 15.521629969805977,
  "snrd_gm": 37.353027444649776,
  "snrd_total": 34.92200871295066,
  "snrd_wm": 51.89136872439622,
  "spacing_x": 0.8999999761581421,
  "spacing_y": 0.859375,
  "spacing_z": 0.859375,
  "summary_bg_k": 215.60416786762664,
  "summary_bg_mad": 12.626120264987913,
  "summary_bg_mean": 23.76549079528921,
  "summary_bg_median": 19.79438455402851,
  "summary_bg_n": 2658962.0,
  "summary_bg_p05": 5.60073671489954,
  "summary_bg_p95": 52.24796853214502,
  "summary_bg_stdv": 20.012494413734746,
  "summary_csf_k": 17.326976899209505,
  "summary_csf_mad": 99.5302273140939,
  "summary_csf_mean": 328.137574982319,
  "summary_csf_median": 299.1407185122371,
  "summary_csf_n": 13240.0,
  "summary_csf_p05": 177.8387351822108,
  "summary_csf_p95": 556.1608280315995,
  "summary_csf_stdv": 128.16926982823725,
  "summary_gm_k": 0.17251752696421585,
  "summary_gm_mad": 73.82299145925366,
  "summary_gm_mean": 722.4932682698388,
  "summary_gm_median": 719.886473916471,
  "summary_gm_n": 43483.0,
  "summary_gm_p05": 599.8926078602672,
  "summary_gm_p95": 854.8335397772493,
  "summary_gm_stdv": 76.74347226459145,
  "summary_wm_k": 0.4355978946581631,
  "summary_wm_mad": 53.916945996434876,
  "summary_wm_mean": 999.0190462249046,
  "summary_wm_median": 1000.0767545029521,
  "summary_wm_n": 302847.0,
  "summary_wm_p05": 904.4038958251476,
  "summary_wm_p95": 1089.7652643620968,
  "summary_wm_stdv": 56.56477727672373,
  "tpm_overlap_csf": 0.1783638745546341,
  "tpm_overlap_gm": 0.43366116285324097,
  "tpm_overlap_wm": 0.48476046323776245,
  "wm2max": 0.4703059604560543
}