{
  "bids_meta": {
    "DeviceSerialNumber": "45031",
    "DwellTime": 8.2e-06,
    "EchoTime": 0.00308,
    "FlipAngle": 9,
    "InstitutionAddress": "Washington Rd, Princeton, NJ 08540, USA",
    "InstitutionName": "Princeton University",
    "InstitutionalDepartmentName": "Princeton Neuroscience Institute",
    "InversionTime": 0.9,
    "MagneticFieldStrength": 3,
    "Manufacturer": "Siemens",
    "ManufacturersModelName": "Skyra",
    "ParallelReductionFactorInPlane": 2,
    "ParallelReductionType": "GRAPPA",
    "PartialFourier": 1,
    "PixelBandwidth": 240,
    "PulseSequenceDetails": "%SiemensSeq%_tfl",
    "PulseSequenceType": "MPRAGE",
    "ReceiveCoilActiveElements": "HE1-4",
    "ReceiveCoilName": "HeadNeck_20",
    "RepetitionTime": 2.3,
    "ScanOptions": "IR",
    "ScanningSequence": "GR_IR",
    "SequenceName": "_tfl3d1_16ns",
    "SequenceVariant": "SK_SP_MP",
    "SoftwareVersions": "syngo_MR_D13",
    "StationName": "AWP45031",
    "dataset": "ds002345",
    "modality": "T1w",
    "subject_id": "148"
  },
  "cjv": 0.4631701217873908,
  "cnr": 2.838720074505449,
  "efc": 0.6045687531885133,
  "fber": 929.9649751069962,
  "fwhm_avg": 3.22852342640529,
  "fwhm_x": 3.275144097397688,
  "fwhm_y": 3.3794909090909093,
  "fwhm_z": 3.0309352727272727,
  "icvs_csf": 0.17602025270015428,
  "icvs_gm": 0.4405543211154391,
  "icvs_wm": 0.3834254261844066,
  "inu_med": 1.4100892543792725,
  "inu_range": 0.47147130966186523,
  "provenance": {
    "md5sum": "15a22bada8bce0fbbf36de922ca71989",
    "settings": {
      "testing": false
    },
    "software": "mriqc",
    "version": "22.0.0rc1",
    "warnings": {
      "large_rot_frame": true,
      "small_air_mask": false
    },
    "webapi_port": null,
    "webapi_url": "https://mriqc.nimh.nih.gov/api/v1"
  },
  "qi_1": 0.001350769637799647,
  "qi_2": 0.003518767189134527,
  "rpve_csf": 19.98020825984055,
  "rpve_gm": 8.948221746706912,
  "rpve_wm": 12.022710546393851,
  "size_x": 192,
  "size_y": 256,
  "size_z": 256,
  "snr_csf": 2.8192786483806804,
  "snr_gm": 9.492728789400546,
  "snr_total": 9.855158652695048,
  "snr_wm": 17.253468520303915,
  "snrd_csf": 18.109828924632687,
  "snrd_gm": 37.571082659216614,
  "snrd_total": 35.853877110513814,
  "snrd_wm": 51.88071974769214,
  "spacing_x": 0.9000000953674316,
  "spacing_y": 0.859375,
  "spacing_z": 0.859375,
  "summary_bg_k": 81.47764400060517,
  "summary_bg_mad": 12.627742969765785,
  "summary_bg_mean": 22.159651538877217,
  "summary_bg_median": 19.944638162851334,
  "summary_bg_n": 3415039.0,
  "summary_bg_p05": 2.910071760416031,
  "summary_bg_p95": 48.40655952692032,
  "summary_bg_stdv": 16.176330697791137,
  "summary_csf_k": 1.3850499809006651,
  "summary_csf_mad": 129.75005901434344,
  "summary_csf_mean": 374.9775627147522,
  "summary_csf_median": 349.0666565299034,
  "summary_csf_n": 24937.0,
  "summary_csf_p05": 208.4463108778,
  "summary_csf_p95": 587.2666767239571,
  "summary_csf_stdv": 123.81169122452292,
  "summary_gm_k": 0.22778204093783705,
  "summary_gm_mad": 72.1885973104944,
  "summary_gm_mean": 727.6780597068789,
  "summary_gm_median": 724.1820041835308,
  "summary_gm_n": 27637.0,
  "summary_gm_p05": 606.4163684546947,
  "summary_gm_p95": 860.6714674830437,
  "summary_gm_stdv": 76.28669463286933,
  "summary_wm_k": 0.36962759809015244,
  "summary_wm_mad": 55.56206906696946,
  "summary_wm_mean": 999.0432507477803,
  "summary_wm_median": 1000.0000251829624,
  "summary_wm_n": 360754.0,
  "summary_wm_p05": 902.1222457289696,
  "summary_wm_p95": 1092.1996158361435,
  "summary_wm_stdv": 57.95928152180812,
  "tpm_overlap_csf": 0.17363697290420532,
  "tpm_overlap_gm": 0.4350150227546692,
  "tpm_overlap_wm": 0.4870506525039673,
  "wm2max": 0.5047370462034877
}