{
  "aor": 0.0033181843191196696,
  "aqi": 0.015471579215955981,
  "bids_meta": {
    "CogAtlasID": "https://www.cognitiveatlas.org/task/id/trm_4c8991fadfe01",
    "DeviceSerialNumber": "45031",
    "DwellTime": 4.9e-06,
    "EchoTime": 0.028,
    "EffectiveEchoSpacing": 0.000355001,
    "FlipAngle": 64,
    "InstitutionAddress": "Washington Rd, Princeton, NJ 08540, USA",
    "InstitutionName": "Princeton University",
    "InstitutionalDepartmentName": "Princeton Neuroscience Institute",
    "MagneticFieldStrength": 3,
    "Manufacturer": "Siemens",
    "ManufacturersModelName": "Skyra",
    "NumberOfVolumesDiscardedByScanner": 3,
    "ParallelReductionFactorInPlane": 2,
    "ParallelReductionType": "GRAPPA",
    "PartialFourier": 1,
    "PhaseEncodingDirection": "j-",
    "PixelBandwidth": 1595,
    "PulseSequenceDetails": "%SiemensSeq%_ep2d_bold",
    "PulseSequenceType": "Gradient Echo EPI",
    "ReceiveCoilActiveElements": "HE1-4",
    "ReceiveCoilName": "HeadNeck_20",
    "RepetitionTime": 1.5,
    "ScanOptions": "FS",
    "ScanningSequence": "EP",
    "SequenceName": "_epfid2d1_64",
    "SequenceVariant": "SK",
    "SliceTiming": [
      0,
      0.7675,
      0.055,
      0.8225,
      0.1075,
      0.875,
      0.1625,
      0.93,
      0.2175,
      0.985,
      0.2725,
      1.04,
      0.3275,
      1.095,
      0.3825,
      1.15,
      0.4375,
      1.205,
      0.4925,
      1.26,
      0.5475,
      1.315,
      0.6025,
      1.37,
      0.6575,
      1.425,
      0.7125
    ],
    "SoftwareVersions": "syngo_MR_D13",
    "StationName": "AWP45031",
    "TaskDescription": "Passively listened to audio story 'sherlock'",
    "TaskName": "sherlock",
    "TotalReadoutTime": 0.022365,
    "dataset": "ds002345",
    "modality": "bold",
    "subject_id": "174",
    "task_id": "sherlock"
  },
  "dummy_trs": 0,
  "dvars_nstd": 25.048123383278252,
  "dvars_std": 1.3265424332369153,
  "dvars_vstd": 1.033413566639118,
  "efc": 0.5832713031252129,
  "fber": 1940.2646484375,
  "fd_mean": 0.18238861132455375,
  "fd_num": 186,
  "fd_perc": 25.584594222833562,
  "fwhm_avg": 1.6994928094275483,
  "fwhm_x": 1.6312166666666668,
  "fwhm_y": 1.8742766666666668,
  "fwhm_z": 1.5929850949493107,
  "gcor": 0.0438245,
  "gsr_x": -0.009007294662296772,
  "gsr_y": 0.03496551513671875,
  "provenance": {
    "md5sum": "3174c86d2d22c8239a20418d60190576",
    "settings": {
      "fd_thres": 0.2,
      "testing": false
    },
    "software": "mriqc",
    "version": "22.0.0rc1",
    "webapi_port": null,
    "webapi_url": "https://mriqc.nimh.nih.gov/api/v1"
  },
  "size_t": 727,
  "size_x": 64,
  "size_y": 64,
  "size_z": 27,
  "snr": 8.199824976888385,
  "spacing_tr": 1.5,
  "spacing_x": 3.0,
  "spacing_y": 3.0,
  "spacing_z": 3.999999761581421,
  "summary_bg_k": 32.95003943310792,
  "summary_bg_mad": 9.594088914748228,
  "summary_bg_mean": 36.027809143066406,
  "summary_bg_median": 14.674690246582031,
  "summary_bg_n": 56036.0,
  "summary_bg_p05": 6.949105739593506,
  "summary_bg_p95": 135.0416145324707,
  "summary_bg_stdv": 63.7168083190918,
  "summary_fg_k": 2.6113659526824824,
  "summary_fg_mad": 76.58141777935104,
  "summary_fg_mean": 671.0427856445312,
  "summary_fg_median": 665.4580688476562,
  "summary_fg_n": 26659.0,
  "summary_fg_p05": 557.037548828125,
  "summary_fg_p95": 803.1549133300781,
  "summary_fg_stdv": 81.15363311767578,
  "tsnr": 59.796097099315375
}