{
  "aor": 0.003776308943089431,
  "aqi": 0.020599813723577238,
  "bids_meta": {
    "CogAtlasID": "https://www.cognitiveatlas.org/task/id/trm_4c8991fadfe01",
    "DeviceSerialNumber": "45031",
    "DwellTime": 4.9e-06,
    "EchoTime": 0.028,
    "EffectiveEchoSpacing": 0.000355001,
    "FlipAngle": 64,
    "InstitutionAddress": "Washington Rd, Princeton, NJ 08540, USA",
    "InstitutionName": "Princeton University",
    "InstitutionalDepartmentName": "Princeton Neuroscience Institute",
    "MagneticFieldStrength": 3,
    "Manufacturer": "Siemens",
    "ManufacturersModelName": "Skyra",
    "NumberOfVolumesDiscardedByScanner": 3,
    "ParallelReductionFactorInPlane": 2,
    "ParallelReductionType": "GRAPPA",
    "PartialFourier": 1,
    "PhaseEncodingDirection": "j-",
    "PixelBandwidth": 1595,
    "PulseSequenceDetails": "%SiemensSeq%_ep2d_bold",
    "PulseSequenceType": "Gradient Echo EPI",
    "ReceiveCoilActiveElements": "HE1-4",
    "ReceiveCoilName": "HeadNeck_20",
    "RepetitionTime": 1.5,
    "ScanOptions": "FS",
    "ScanningSequence": "EP",
    "SequenceName": "_epfid2d1_64",
    "SequenceVariant": "SK",
    "SliceTiming": [
      0,
      0.7675,
      0.055,
      0.8225,
      0.1075,
      0.875,
      0.1625,
      0.93,
      0.2175,
      0.985,
      0.2725,
      1.04,
      0.3275,
      1.095,
      0.3825,
      1.15,
      0.4375,
      1.205,
      0.4925,
      1.26,
      0.5475,
      1.315,
      0.6025,
      1.37,
      0.6575,
      1.425,
      0.7125
    ],
    "SoftwareVersions": "syngo_MR_D13",
    "StationName": "AWP45031",
    "TaskDescription": "Passively listened to audio story 'merlin'",
    "TaskName": "merlin",
    "TotalReadoutTime": 0.022365,
    "dataset": "ds002345",
    "modality": "bold",
    "subject_id": "174",
    "task_id": "merlin"
  },
  "dummy_trs": 0,
  "dvars_nstd": 25.05521563374594,
  "dvars_std": 1.2461018406514661,
  "dvars_vstd": 1.0092692971986965,
  "efc": 0.5847008177623891,
  "fber": 1875.2081298828125,
  "fd_mean": 0.221264637540037,
  "fd_num": 190,
  "fd_perc": 30.89430894308943,
  "fwhm_avg": 1.7149661429917502,
  "fwhm_x": 1.6538533333333334,
  "fwhm_y": 1.8864400000000001,
  "fwhm_z": 1.604605095641917,
  "gcor": 0.0427648,
  "gsr_x": -0.008257923647761345,
  "gsr_y": 0.03566892445087433,
  "provenance": {
    "md5sum": "34a6590409a366f48e543297a4ebc619",
    "settings": {
      "fd_thres": 0.2,
      "testing": false
    },
    "software": "mriqc",
    "version": "22.0.0rc1",
    "webapi_port": null,
    "webapi_url": "https://mriqc.nimh.nih.gov/api/v1"
  },
  "size_t": 615,
  "size_x": 64,
  "size_y": 64,
  "size_z": 27,
  "snr": 8.154462217183282,
  "spacing_tr": 1.5,
  "spacing_x": 3.0,
  "spacing_y": 3.0,
  "spacing_z": 3.999999761581421,
  "summary_bg_k": 30.63087120870862,
  "summary_bg_mad": 9.603163451108367,
  "summary_bg_mean": 36.55915069580078,
  "summary_bg_median": 14.810567855834961,
  "summary_bg_n": 55976.0,
  "summary_bg_p05": 7.097560882568359,
  "summary_bg_p95": 137.81300354003906,
  "summary_bg_stdv": 64.18396759033203,
  "summary_fg_k": 2.976619304743579,
  "summary_fg_mad": 76.25637461718844,
  "summary_fg_mean": 669.0283813476562,
  "summary_fg_median": 663.771484375,
  "summary_fg_n": 26696.0,
  "summary_fg_p05": 554.5626068115234,
  "summary_fg_p95": 800.6507873535156,
  "summary_fg_stdv": 81.39826202392578,
  "tsnr": 51.84986210876377
}