{
  "aor": 0.001205153846153846,
  "aqi": 0.009475944974358974,
  "bids_meta": {
    "AcquisitionMatrixPE": 96,
    "BandwidthPerPixelPhaseEncode": 20.425,
    "BaseResolution": 96,
    "BodyPartExamined": "BRAIN",
    "ConsistencyInfo": "N4_VE11C_LATEST_20160120",
    "ConversionSoftware": "dcm2niix",
    "ConversionSoftwareVersion": "v1.0.20180328 GCC6.3.0",
    "DerivedVendorReportedEchoSpacing": 0.000509996,
    "DeviceSerialNumber": "66018",
    "DwellTime": 2.1e-06,
    "EchoTime": 0.031,
    "EchoTrainLength": 96,
    "EffectiveEchoSpacing": 0.000509996,
    "FlipAngle": 67,
    "ImageOrientationPatientDICOM": [
      1,
      0,
      0,
      0,
      1,
      0
    ],
    "ImageType": [
      "ORIGINAL",
      "PRIMARY",
      "M",
      "ND",
      "NORM",
      "MOSAIC"
    ],
    "InPlanePhaseEncodingDirectionDICOM": "COL",
    "InstitutionAddress": "Washington Rd, Princeton, NJ 08540, USA",
    "InstitutionName": "Princeton University",
    "InstitutionalDepartmentName": "Princeton Neuroscience Institute",
    "MRAcquisitionType": "2D",
    "MagneticFieldStrength": 3,
    "Manufacturer": "Siemens",
    "ManufacturersModelName": "Prisma",
    "Modality": "MR",
    "MultibandAccelerationFactor": 3,
    "NumberOfVolumesDiscardedByScanner": 3,
    "PartialFourier": 1,
    "PatientPosition": "HFS",
    "PercentPhaseFOV": 100,
    "PhaseEncodingDirection": "j-",
    "PhaseEncodingSteps": 96,
    "PhaseResolution": 1,
    "PixelBandwidth": 2480,
    "ProcedureStepDescription": "Hasson_Nastase_042518_Storyteller",
    "ProtocolName": "func_task-bronx",
    "PulseSequenceDetails": "%SiemensSeq%_ep2d_bold",
    "ReceiveCoilActiveElements": "HC1-7;NC1",
    "ReceiveCoilName": "HeadNeck_64",
    "ReconMatrixPE": 96,
    "RepetitionTime": 1.5,
    "SAR": 0.0452114,
    "ScanOptions": "FS",
    "ScanningSequence": "EP",
    "SequenceName": "_epfid2d1_96",
    "SequenceVariant": "SK",
    "SeriesDescription": "func_task-bronx",
    "SeriesNumber": 8,
    "ShimSetting": [
      766,
      524,
      2111,
      647,
      -86,
      40,
      121,
      58
    ],
    "SliceThickness": 2.5,
    "SliceTiming": [
      1.11,
      0,
      0.74,
      0.0925,
      0.8325,
      0.185,
      0.925,
      0.2775,
      1.0175,
      0.4625,
      1.2025,
      0.555,
      1.295,
      0.6475,
      1.3875,
      0.37,
      1.11,
      0,
      0.74,
      0.0925,
      0.8325,
      0.185,
      0.925,
      0.2775,
      1.0175,
      0.4625,
      1.2025,
      0.555,
      1.295,
      0.6475,
      1.3875,
      0.37,
      1.11,
      0,
      0.74,
      0.0925,
      0.8325,
      0.185,
      0.925,
      0.2775,
      1.0175,
      0.4625,
      1.2025,
      0.555,
      1.295,
      0.6475,
      1.3875,
      0.37
    ],
    "SoftwareVersions": "syngo_MR_E11",
    "SpacingBetweenSlices": 2.5,
    "StationName": "AWP66018",
    "TaskDescription": "Passively listened to audio story 'bronx'",
    "TaskName": "bronx",
    "TotalReadoutTime": 0.0484496,
    "TxRefAmp": 236.797,
    "dataset": "ds002345",
    "modality": "bold",
    "subject_id": "284",
    "task_id": "bronx"
  },
  "dummy_trs": 0,
  "dvars_nstd": 25.550118037043678,
  "dvars_std": 1.2246943907969146,
  "dvars_vstd": 0.9920515094344469,
  "efc": 0.48612414180275154,
  "fber": 3947.37353515625,
  "fd_mean": 0.0962553848365764,
  "fd_num": 7,
  "fd_perc": 1.794871794871795,
  "fwhm_avg": 2.0298773333333333,
  "fwhm_x": 1.926512,
  "fwhm_y": 2.199328,
  "fwhm_z": 1.9637920000000002,
  "gcor": 0.0127427,
  "gsr_x": -0.012212541885674,
  "gsr_y": 0.02675004117190838,
  "provenance": {
    "md5sum": "37b879f97573ac6da8370bcb716812d7",
    "settings": {
      "fd_thres": 0.2,
      "testing": false
    },
    "software": "mriqc",
    "version": "22.0.0rc1",
    "webapi_port": null,
    "webapi_url": "https://mriqc.nimh.nih.gov/api/v1"
  },
  "size_t": 390,
  "size_x": 96,
  "size_y": 96,
  "size_z": 48,
  "snr": 5.502391383720811,
  "spacing_tr": 1.5,
  "spacing_x": 2.5,
  "spacing_y": 2.5,
  "spacing_z": 2.5,
  "summary_bg_k": 29.348223845617888,
  "summary_bg_mad": 7.549866497031341,
  "summary_bg_mean": 30.97753143310547,
  "summary_bg_median": 11.769230842590332,
  "summary_bg_n": 298331.0,
  "summary_bg_p05": 5.030769348144531,
  "summary_bg_p95": 126.60256958007812,
  "summary_bg_stdv": 59.81632614135742,
  "summary_fg_k": 1.7484998154309226,
  "summary_fg_mad": 130.68382052553474,
  "summary_fg_mean": 756.0463256835938,
  "summary_fg_median": 752.5833740234375,
  "summary_fg_n": 79372.0,
  "summary_fg_p05": 561.0553039550781,
  "summary_fg_p95": 976.1989868164062,
  "summary_fg_stdv": 136.77301025390625,
  "tsnr": 55.499541560187936
}