{
  "aor": 0.0007496167247386759,
  "aqi": 0.011063956324041812,
  "bids_meta": {
    "AcquisitionMatrixPE": 96,
    "BandwidthPerPixelPhaseEncode": 20.425,
    "BaseResolution": 96,
    "BodyPartExamined": "BRAIN",
    "ConsistencyInfo": "N4_VE11C_LATEST_20160120",
    "ConversionSoftware": "dcm2niix",
    "ConversionSoftwareVersion": "v1.0.20180328 GCC6.3.0",
    "DerivedVendorReportedEchoSpacing": 0.000509996,
    "DeviceSerialNumber": "66018",
    "DwellTime": 2.1e-06,
    "EchoTime": 0.031,
    "EchoTrainLength": 96,
    "EffectiveEchoSpacing": 0.000509996,
    "FlipAngle": 67,
    "ImageOrientationPatientDICOM": [
      1,
      0,
      0,
      0,
      1,
      0
    ],
    "ImageType": [
      "ORIGINAL",
      "PRIMARY",
      "M",
      "ND",
      "NORM",
      "MOSAIC"
    ],
    "InPlanePhaseEncodingDirectionDICOM": "COL",
    "InstitutionAddress": "Washington Rd, Princeton, NJ 08540, USA",
    "InstitutionName": "Princeton University",
    "InstitutionalDepartmentName": "Princeton Neuroscience Institute",
    "MRAcquisitionType": "2D",
    "MagneticFieldStrength": 3,
    "Manufacturer": "Siemens",
    "ManufacturersModelName": "Prisma",
    "Modality": "MR",
    "MultibandAccelerationFactor": 3,
    "NumberOfVolumesDiscardedByScanner": 3,
    "PartialFourier": 1,
    "PatientPosition": "HFS",
    "PercentPhaseFOV": 100,
    "PhaseEncodingDirection": "j-",
    "PhaseEncodingSteps": 96,
    "PhaseResolution": 1,
    "PixelBandwidth": 2480,
    "ProcedureStepDescription": "Hasson_Nastase_042518_Storyteller",
    "ProtocolName": "func_task-forgot",
    "PulseSequenceDetails": "%SiemensSeq%_ep2d_bold",
    "ReceiveCoilActiveElements": "HC1-7;NC1",
    "ReceiveCoilName": "HeadNeck_64",
    "ReconMatrixPE": 96,
    "RepetitionTime": 1.5,
    "SAR": 0.0452382,
    "ScanOptions": "FS",
    "ScanningSequence": "EP",
    "SequenceName": "_epfid2d1_96",
    "SequenceVariant": "SK",
    "SeriesDescription": "func_task-forgot",
    "SeriesNumber": 9,
    "ShimSetting": [
      766,
      524,
      2111,
      647,
      -86,
      40,
      121,
      58
    ],
    "SliceThickness": 2.5,
    "SliceTiming": [
      1.11,
      0,
      0.74,
      0.0925,
      0.8325,
      0.185,
      0.925,
      0.2775,
      1.0175,
      0.4625,
      1.2025,
      0.555,
      1.295,
      0.6475,
      1.3875,
      0.37,
      1.11,
      0,
      0.74,
      0.0925,
      0.8325,
      0.185,
      0.925,
      0.2775,
      1.0175,
      0.4625,
      1.2025,
      0.555,
      1.295,
      0.6475,
      1.3875,
      0.37,
      1.11,
      0,
      0.74,
      0.0925,
      0.8325,
      0.185,
      0.925,
      0.2775,
      1.0175,
      0.4625,
      1.2025,
      0.555,
      1.295,
      0.6475,
      1.3875,
      0.37
    ],
    "SoftwareVersions": "syngo_MR_E11",
    "SpacingBetweenSlices": 2.5,
    "StationName": "AWP66018",
    "TaskDescription": "Passively listened to audio story 'forgot'",
    "TaskName": "forgot",
    "TotalReadoutTime": 0.0484496,
    "TxRefAmp": 236.797,
    "dataset": "ds002345",
    "modality": "bold",
    "subject_id": "284",
    "task_id": "forgot"
  },
  "dummy_trs": 0,
  "dvars_nstd": 23.8562223722513,
  "dvars_std": 1.1516167593542763,
  "dvars_vstd": 0.9628480969633509,
  "efc": 0.4881293731383226,
  "fber": 3808.6259765625,
  "fd_mean": 0.087534417167812,
  "fd_num": 9,
  "fd_perc": 1.5679442508710801,
  "fwhm_avg": 2.037357333333333,
  "fwhm_x": 1.9273399999999998,
  "fwhm_y": 2.2123,
  "fwhm_z": 1.972432,
  "gcor": 0.010654,
  "gsr_x": -0.013146701268851757,
  "gsr_y": 0.027225956320762634,
  "provenance": {
    "md5sum": "03897e80af06878c364b94297d6543b0",
    "settings": {
      "fd_thres": 0.2,
      "testing": false
    },
    "software": "mriqc",
    "version": "22.0.0rc1",
    "webapi_port": null,
    "webapi_url": "https://mriqc.nimh.nih.gov/api/v1"
  },
  "size_t": 574,
  "size_x": 96,
  "size_y": 96,
  "size_z": 48,
  "snr": 5.455732200557698,
  "spacing_tr": 1.5,
  "spacing_x": 2.5,
  "spacing_y": 2.5,
  "spacing_z": 2.5,
  "summary_bg_k": 28.370970075167747,
  "summary_bg_mad": 7.73846075659207,
  "summary_bg_mean": 31.28147315979004,
  "summary_bg_median": 11.89547061920166,
  "summary_bg_n": 297840.0,
  "summary_bg_p05": 4.94773530960083,
  "summary_bg_p95": 128.9376350402831,
  "summary_bg_stdv": 59.80063247680664,
  "summary_fg_k": 1.6644348807063096,
  "summary_fg_mad": 130.9158390856085,
  "summary_fg_mean": 751.1724853515625,
  "summary_fg_median": 747.3554077148438,
  "summary_fg_n": 79913.0,
  "summary_fg_p05": 555.5299682617188,
  "summary_fg_p95": 973.4334594726562,
  "summary_fg_stdv": 136.9844970703125,
  "tsnr": 54.20187031920068
}