{
  "aor": 0.0005208727272727273,
  "aqi": 0.007884082200000002,
  "bids_meta": {
    "AcquisitionMatrixPE": 96,
    "BandwidthPerPixelPhaseEncode": 20.425,
    "BaseResolution": 96,
    "BodyPartExamined": "BRAIN",
    "ConsistencyInfo": "N4_VE11C_LATEST_20160120",
    "ConversionSoftware": "dcm2niix",
    "ConversionSoftwareVersion": "v1.0.20180328 GCC6.3.0",
    "DerivedVendorReportedEchoSpacing": 0.000509996,
    "DeviceSerialNumber": "66018",
    "DwellTime": 2.1e-06,
    "EchoTime": 0.031,
    "EchoTrainLength": 96,
    "EffectiveEchoSpacing": 0.000509996,
    "FlipAngle": 67,
    "ImageOrientationPatientDICOM": [
      1,
      0,
      0,
      0,
      1,
      0
    ],
    "ImageType": [
      "ORIGINAL",
      "PRIMARY",
      "M",
      "ND",
      "NORM",
      "MOSAIC"
    ],
    "InPlanePhaseEncodingDirectionDICOM": "COL",
    "InstitutionAddress": "Washington Rd, Princeton, NJ 08540, USA",
    "InstitutionName": "Princeton University",
    "InstitutionalDepartmentName": "Princeton Neuroscience Institute",
    "MRAcquisitionType": "2D",
    "MagneticFieldStrength": 3,
    "Manufacturer": "Siemens",
    "ManufacturersModelName": "Prisma",
    "Modality": "MR",
    "MultibandAccelerationFactor": 3,
    "NumberOfVolumesDiscardedByScanner": 3,
    "PartialFourier": 1,
    "PatientPosition": "HFS",
    "PercentPhaseFOV": 100,
    "PhaseEncodingDirection": "j-",
    "PhaseEncodingSteps": 96,
    "PhaseResolution": 1,
    "PixelBandwidth": 2480,
    "ProcedureStepDescription": "Hasson_Nastase_042518_Storyteller",
    "ProtocolName": "func_task-black",
    "PulseSequenceDetails": "%SiemensSeq%_ep2d_bold",
    "ReceiveCoilActiveElements": "HC1-7;NC1",
    "ReceiveCoilName": "HeadNeck_64",
    "ReconMatrixPE": 96,
    "RepetitionTime": 1.5,
    "SAR": 0.0452358,
    "ScanOptions": "FS",
    "ScanningSequence": "EP",
    "SequenceName": "_epfid2d1_96",
    "SequenceVariant": "SK",
    "SeriesDescription": "func_task-black",
    "SeriesNumber": 10,
    "ShimSetting": [
      766,
      524,
      2111,
      647,
      -86,
      40,
      121,
      58
    ],
    "SliceThickness": 2.5,
    "SliceTiming": [
      1.11,
      0,
      0.74,
      0.0925,
      0.8325,
      0.185,
      0.925,
      0.2775,
      1.0175,
      0.4625,
      1.2025,
      0.555,
      1.295,
      0.6475,
      1.3875,
      0.37,
      1.11,
      0,
      0.74,
      0.0925,
      0.8325,
      0.185,
      0.925,
      0.2775,
      1.0175,
      0.4625,
      1.2025,
      0.555,
      1.295,
      0.6475,
      1.3875,
      0.37,
      1.11,
      0,
      0.74,
      0.0925,
      0.8325,
      0.185,
      0.925,
      0.2775,
      1.0175,
      0.4625,
      1.2025,
      0.555,
      1.295,
      0.6475,
      1.3875,
      0.37
    ],
    "SoftwareVersions": "syngo_MR_E11",
    "SpacingBetweenSlices": 2.5,
    "StationName": "AWP66018",
    "TaskDescription": "Passively listened to audio story 'black'",
    "TaskName": "black",
    "TotalReadoutTime": 0.0484496,
    "TxRefAmp": 236.797,
    "dataset": "ds002345",
    "modality": "bold",
    "subject_id": "284",
    "task_id": "black"
  },
  "dummy_trs": 0,
  "dvars_nstd": 23.48242704468122,
  "dvars_std": 1.1696451211475414,
  "dvars_vstd": 0.9729059093078322,
  "efc": 0.4886119885205968,
  "fber": 3775.56689453125,
  "fd_mean": 0.10125315861406654,
  "fd_num": 12,
  "fd_perc": 2.1818181818181817,
  "fwhm_avg": 2.0444186666666666,
  "fwhm_x": 1.9429919999999998,
  "fwhm_y": 2.213604,
  "fwhm_z": 1.97666,
  "gcor": 0.0124638,
  "gsr_x": -0.01307554543018341,
  "gsr_y": 0.028963517397642136,
  "provenance": {
    "md5sum": "8c11bd50b758f2c7009de04ad25cda3a",
    "settings": {
      "fd_thres": 0.2,
      "testing": false
    },
    "software": "mriqc",
    "version": "22.0.0rc1",
    "webapi_port": null,
    "webapi_url": "https://mriqc.nimh.nih.gov/api/v1"
  },
  "size_t": 550,
  "size_x": 96,
  "size_y": 96,
  "size_z": 48,
  "snr": 5.431310817351817,
  "spacing_tr": 1.5,
  "spacing_x": 2.5,
  "spacing_y": 2.5,
  "spacing_z": 2.5,
  "summary_bg_k": 28.240681586426078,
  "summary_bg_mad": 7.523531889935411,
  "summary_bg_mean": 31.50917625427246,
  "summary_bg_median": 11.898181915283203,
  "summary_bg_n": 297820.0,
  "summary_bg_p05": 5.145454406738281,
  "summary_bg_p95": 130.68572769165033,
  "summary_bg_stdv": 60.33501052856445,
  "summary_fg_k": 1.6444716086610809,
  "summary_fg_mad": 130.6738665311478,
  "summary_fg_mean": 747.7293090820312,
  "summary_fg_median": 743.7709350585938,
  "summary_fg_n": 79987.0,
  "summary_fg_p05": 552.1052673339843,
  "summary_fg_p95": 968.5485412597657,
  "summary_fg_stdv": 136.9404754638672,
  "tsnr": 59.092215690761805
}