{
  "aor": 0.0010506462585034013,
  "aqi": 0.006127990408163265,
  "bids_meta": {
    "AcquisitionMatrixPE": 96,
    "BandwidthPerPixelPhaseEncode": 20.425,
    "BaseResolution": 96,
    "BodyPartExamined": "BRAIN",
    "ConsistencyInfo": "N4_VE11C_LATEST_20160120",
    "ConversionSoftware": "dcm2niix",
    "ConversionSoftwareVersion": "v1.0.20180328 GCC6.3.0",
    "DerivedVendorReportedEchoSpacing": 0.000509996,
    "DeviceSerialNumber": "66018",
    "EchoTime": 0.031,
    "EchoTrainLength": 96,
    "EffectiveEchoSpacing": 0.000509996,
    "FlipAngle": 67,
    "ImageOrientationPatientDICOM": [
      1,
      0,
      0,
      0,
      1,
      0
    ],
    "ImageType": [
      "ORIGINAL",
      "PRIMARY",
      "M",
      "ND",
      "NORM",
      "MOSAIC"
    ],
    "InPlanePhaseEncodingDirectionDICOM": "COL",
    "InstitutionAddress": "Washington Rd, Princeton, NJ 08540, USA",
    "InstitutionName": "Princeton University",
    "InstitutionalDepartmentName": "Princeton Neuroscience Institute",
    "MRAcquisitionType": "2D",
    "MagneticFieldStrength": 3,
    "Manufacturer": "Siemens",
    "ManufacturersModelName": "Prisma",
    "Modality": "MR",
    "MultibandAccelerationFactor": 3,
    "NumberOfVolumesDiscardedByScanner": 3,
    "PartialFourier": 1,
    "PatientPosition": "HFS",
    "PercentPhaseFOV": 100,
    "PhaseEncodingDirection": "j-",
    "PhaseEncodingSteps": 96,
    "PhaseResolution": 1,
    "PixelBandwidth": 2480,
    "ProcedureStepDescription": "Hasson_Nastase_042518_Storyteller",
    "ProtocolName": "func_task-pieman",
    "PulseSequenceDetails": "%SiemensSeq%_ep2d_bold",
    "ReceiveCoilActiveElements": "HC1-7;NC1",
    "ReceiveCoilName": "HeadNeck_64",
    "ReconMatrixPE": 96,
    "RepetitionTime": 1.5,
    "SAR": 0.0451844,
    "ScanOptions": "FS",
    "ScanningSequence": "EP",
    "SequenceName": "_epfid2d1_96",
    "SequenceVariant": "SK",
    "SeriesDescription": "func_task-pieman",
    "SeriesNumber": 7,
    "ShimSetting": [
      766,
      524,
      2111,
      647,
      -86,
      40,
      121,
      58
    ],
    "SliceThickness": 2.5,
    "SliceTiming": [
      1.11,
      0,
      0.74,
      0.0925,
      0.8325,
      0.185,
      0.925,
      0.2775,
      1.0175,
      0.4625,
      1.2025,
      0.555,
      1.295,
      0.6475,
      1.3875,
      0.37,
      1.11,
      0,
      0.74,
      0.0925,
      0.8325,
      0.185,
      0.925,
      0.2775,
      1.0175,
      0.4625,
      1.2025,
      0.555,
      1.295,
      0.6475,
      1.3875,
      0.37,
      1.11,
      0,
      0.74,
      0.0925,
      0.8325,
      0.185,
      0.925,
      0.2775,
      1.0175,
      0.4625,
      1.2025,
      0.555,
      1.295,
      0.6475,
      1.3875,
      0.37
    ],
    "SoftwareVersions": "syngo_MR_E11",
    "SpacingBetweenSlices": 2.5,
    "StationName": "AWP66018",
    "TaskDescription": "Passively listened to audio story 'piemanpni'",
    "TaskName": "piemanpni",
    "TotalReadoutTime": 0.0484496,
    "TxRefAmp": 236.797,
    "dataset": "ds002345",
    "modality": "bold",
    "subject_id": "284",
    "task_id": "piemanpni"
  },
  "dummy_trs": 0,
  "dvars_nstd": 25.65756998255973,
  "dvars_std": 1.265075108805462,
  "dvars_vstd": 1.0064044658703073,
  "efc": 0.48621523220897767,
  "fber": 3962.4482421875,
  "fd_mean": 0.09686405643737542,
  "fd_num": 7,
  "fd_perc": 2.380952380952381,
  "fwhm_avg": 2.007804,
  "fwhm_x": 1.907124,
  "fwhm_y": 2.171584,
  "fwhm_z": 1.9447040000000002,
  "gcor": 0.027422,
  "gsr_x": -0.0128934970125556,
  "gsr_y": 0.026585793122649193,
  "provenance": {
    "md5sum": "8b3c0ceae8f11bef82243ab1f4e1bfe4",
    "settings": {
      "fd_thres": 0.2,
      "testing": false
    },
    "software": "mriqc",
    "version": "22.0.0rc1",
    "webapi_port": null,
    "webapi_url": "https://mriqc.nimh.nih.gov/api/v1"
  },
  "size_t": 294,
  "size_x": 96,
  "size_y": 96,
  "size_z": 48,
  "snr": 5.523056989877646,
  "spacing_tr": 1.5,
  "spacing_x": 2.5,
  "spacing_y": 2.5,
  "spacing_z": 2.5,
  "summary_bg_k": 29.726246998976613,
  "summary_bg_mad": 7.528994922011056,
  "summary_bg_mean": 30.866840362548828,
  "summary_bg_median": 11.812925338745117,
  "summary_bg_n": 298033.0,
  "summary_bg_p05": 5.1088433265686035,
  "summary_bg_p95": 126.07686767578078,
  "summary_bg_stdv": 59.43276596069336,
  "summary_fg_k": 1.7827595487105068,
  "summary_fg_mad": 131.43213467628743,
  "summary_fg_mean": 760.7479858398438,
  "summary_fg_median": 757.2313232421875,
  "summary_fg_n": 79644.0,
  "summary_fg_p05": 564.1904907226562,
  "summary_fg_p95": 980.0795623779296,
  "summary_fg_stdv": 137.10279846191406,
  "tsnr": 65.76128569932189
}