{
  "aor": 0.0039018428184281837,
  "aqi": 0.011831049430894311,
  "bids_meta": {
    "CogAtlasID": "https://www.cognitiveatlas.org/task/id/trm_4c8991fadfe01",
    "DeviceSerialNumber": "45031",
    "DwellTime": 5.4e-06,
    "EchoTime": 0.028,
    "EffectiveEchoSpacing": 0.000390001,
    "FlipAngle": 64,
    "InstitutionAddress": "Washington Rd, Princeton, NJ 08540, USA",
    "InstitutionName": "Princeton University",
    "InstitutionalDepartmentName": "Princeton Neuroscience Institute",
    "MagneticFieldStrength": 3,
    "Manufacturer": "Siemens",
    "ManufacturersModelName": "Skyra",
    "NumberOfVolumesDiscardedByScanner": 3,
    "ParallelReductionFactorInPlane": 2,
    "ParallelReductionType": "GRAPPA",
    "PartialFourier": 1,
    "PhaseEncodingDirection": "j-",
    "PixelBandwidth": 1445,
    "PulseSequenceDetails": "%SiemensSeq%_ep2d_bold",
    "PulseSequenceType": "Gradient Echo EPI",
    "ReceiveCoilActiveElements": "HE1-4",
    "ReceiveCoilName": "HeadNeck_20",
    "RepetitionTime": 1.5,
    "ScanOptions": "FS",
    "ScanningSequence": "EP",
    "SequenceName": "_epfid2d1_64",
    "SequenceVariant": "SK",
    "SliceTiming": [
      0,
      0.7775,
      0.0575,
      0.835,
      0.1125,
      0.89,
      0.1675,
      0.945,
      0.2225,
      1,
      0.28,
      1.0575,
      0.335,
      1.1125,
      0.39,
      1.1675,
      0.445,
      1.2225,
      0.5,
      1.2775,
      0.5575,
      1.335,
      0.6125,
      1.39,
      0.6675,
      1.445,
      0.7225
    ],
    "SoftwareVersions": "syngo_MR_D11",
    "StationName": "AWP45031",
    "TaskDescription": "Passively listened to audio story 'lucy'",
    "TaskName": "lucy",
    "TotalReadoutTime": 0.0245701,
    "dataset": "ds002345",
    "modality": "bold",
    "subject_id": "065",
    "task_id": "lucy"
  },
  "dummy_trs": 1,
  "dvars_nstd": 25.17029784078804,
  "dvars_std": 1.2016289618750002,
  "dvars_vstd": 1.017623238559783,
  "efc": 0.6155068139439456,
  "fber": 1633.1943359375,
  "fd_mean": 0.2681273680293933,
  "fd_num": 166,
  "fd_perc": 44.986449864498645,
  "fwhm_avg": 1.8861938219705634,
  "fwhm_x": 1.8694899999999999,
  "fwhm_y": 2.1050366666666664,
  "fwhm_z": 1.6840547992450239,
  "gcor": 0.0424476,
  "gsr_x": -0.017414836212992668,
  "gsr_y": 0.050217051059007645,
  "provenance": {
    "md5sum": "b3e6b8cd30f1b062fc87155c775dd977",
    "settings": {
      "fd_thres": 0.2,
      "testing": false
    },
    "software": "mriqc",
    "version": "21.0.0rc2",
    "webapi_port": null,
    "webapi_url": "https://mriqc.nimh.nih.gov/api/v1"
  },
  "size_t": 369,
  "size_x": 64,
  "size_y": 64,
  "size_z": 27,
  "snr": 5.681501571036609,
  "spacing_tr": 1.5,
  "spacing_x": 3.0,
  "spacing_y": 3.0,
  "spacing_z": 4.000000476837158,
  "summary_bg_k": 29.042922232460377,
  "summary_bg_mad": 12.977793068466175,
  "summary_bg_mean": 40.459930419921875,
  "summary_bg_median": 17.845529556274414,
  "summary_bg_n": 50723.0,
  "summary_bg_p05": 7.44444465637207,
  "summary_bg_p95": 139.73956604003826,
  "summary_bg_stdv": 62.01995849609375,
  "summary_fg_k": 1.933079415660509,
  "summary_fg_mad": 115.18898040853445,
  "summary_fg_mean": 783.6386108398438,
  "summary_fg_median": 767.7235717773438,
  "summary_fg_n": 31160.0,
  "summary_fg_p05": 607.3192565917968,
  "summary_fg_p95": 1030.1955932617188,
  "summary_fg_stdv": 135.1247100830078,
  "tsnr": 52.54288862971589
}