{
  "aor": 0.007853233333333333,
  "aqi": 0.009154998966666668,
  "bids_meta": {
    "CogAtlasID": "https://www.cognitiveatlas.org/task/id/trm_4c8991fadfe01",
    "DeviceSerialNumber": "45031",
    "DwellTime": 5.4e-06,
    "EchoTime": 0.028,
    "EffectiveEchoSpacing": 0.000390001,
    "FlipAngle": 64,
    "InstitutionAddress": "Washington Rd, Princeton, NJ 08540, USA",
    "InstitutionName": "Princeton University",
    "InstitutionalDepartmentName": "Princeton Neuroscience Institute",
    "MagneticFieldStrength": 3,
    "Manufacturer": "Siemens",
    "ManufacturersModelName": "Skyra",
    "NumberOfVolumesDiscardedByScanner": 3,
    "ParallelReductionFactorInPlane": 2,
    "ParallelReductionType": "GRAPPA",
    "PartialFourier": 1,
    "PhaseEncodingDirection": "j-",
    "PixelBandwidth": 1445,
    "PulseSequenceDetails": "%SiemensSeq%_ep2d_bold",
    "PulseSequenceType": "Gradient Echo EPI",
    "ReceiveCoilActiveElements": "HE1-4",
    "ReceiveCoilName": "HeadNeck_20",
    "RepetitionTime": 1.5,
    "ScanOptions": "FS",
    "ScanningSequence": "EP",
    "SequenceName": "_epfid2d1_64",
    "SequenceVariant": "SK",
    "SliceTiming": [
      0,
      0.7775,
      0.055,
      0.8325,
      0.11,
      0.89,
      0.1675,
      0.945,
      0.2225,
      1,
      0.2775,
      1.055,
      0.3325,
      1.11,
      0.39,
      1.1675,
      0.445,
      1.2225,
      0.5,
      1.2775,
      0.555,
      1.3325,
      0.61,
      1.3875,
      0.6675,
      1.445,
      0.7225
    ],
    "SoftwareVersions": "syngo_MR_D11",
    "StationName": "AWP45031",
    "TaskDescription": "Passively listened to audio story 'pieman'",
    "TaskName": "pieman",
    "TotalReadoutTime": 0.0245701,
    "dataset": "ds002345",
    "modality": "bold",
    "subject_id": "065",
    "task_id": "pieman"
  },
  "dummy_trs": 0,
  "dvars_nstd": 22.864459283143812,
  "dvars_std": 1.2519963038795978,
  "dvars_vstd": 1.047856674314382,
  "efc": 0.6166689978390762,
  "fber": 1496.206787109375,
  "fd_mean": 0.1388760528711649,
  "fd_num": 38,
  "fd_perc": 12.666666666666666,
  "fwhm_avg": 1.933862708647723,
  "fwhm_x": 1.91864,
  "fwhm_y": 2.1432333333333333,
  "fwhm_z": 1.7397147926098355,
  "gcor": 0.0539811,
  "gsr_x": -0.01831425540149212,
  "gsr_y": 0.04858952760696411,
  "provenance": {
    "md5sum": "f242b3cb8a7fcaaf3ccbb1a86a3bdf92",
    "settings": {
      "fd_thres": 0.2,
      "testing": false
    },
    "software": "mriqc",
    "version": "21.0.0rc2",
    "webapi_port": null,
    "webapi_url": "https://mriqc.nimh.nih.gov/api/v1"
  },
  "size_t": 300,
  "size_x": 64,
  "size_y": 64,
  "size_z": 27,
  "snr": 5.906519034501543,
  "spacing_tr": 1.5,
  "spacing_x": 3.0,
  "spacing_y": 3.0,
  "spacing_z": 4.000000476837158,
  "summary_bg_k": 28.827860938775405,
  "summary_bg_mad": 13.990822671366194,
  "summary_bg_mean": 41.2984619140625,
  "summary_bg_median": 18.883333206176758,
  "summary_bg_n": 50843.0,
  "summary_bg_p05": 7.7266669273376465,
  "summary_bg_p95": 141.13567199707026,
  "summary_bg_stdv": 62.63975524902344,
  "summary_fg_k": 1.3343295450798012,
  "summary_fg_mad": 118.37597793865828,
  "summary_fg_mean": 793.1055297851562,
  "summary_fg_median": 778.2066650390625,
  "summary_fg_n": 31109.0,
  "summary_fg_p05": 616.6080078125,
  "summary_fg_p95": 1037.629345703125,
  "summary_fg_stdv": 131.75173950195312,
  "tsnr": 58.54788911668584
}