{
  "aor": 0.0003631157894736842,
  "aqi": 0.004589143094736841,
  "bids_meta": {
    "CogAtlasID": "https://www.cognitiveatlas.org/task/id/trm_4c8991fadfe01",
    "DeviceSerialNumber": "45031",
    "DwellTime": 5.4e-06,
    "EchoTime": 0.028,
    "EffectiveEchoSpacing": 0.000390001,
    "FlipAngle": 64,
    "InstitutionAddress": "Washington Rd, Princeton, NJ 08540, USA",
    "InstitutionName": "Princeton University",
    "InstitutionalDepartmentName": "Princeton Neuroscience Institute",
    "MagneticFieldStrength": 3,
    "Manufacturer": "Siemens",
    "ManufacturersModelName": "Skyra",
    "NumberOfVolumesDiscardedByScanner": 3,
    "ParallelReductionFactorInPlane": 2,
    "ParallelReductionType": "GRAPPA",
    "PartialFourier": 1,
    "PhaseEncodingDirection": "j-",
    "PixelBandwidth": 1445,
    "PulseSequenceDetails": "%SiemensSeq%_ep2d_bold",
    "PulseSequenceType": "Gradient Echo EPI",
    "ReceiveCoilActiveElements": "HE1-4",
    "ReceiveCoilName": "HeadNeck_20",
    "RepetitionTime": 1.5,
    "ScanOptions": "FS",
    "ScanningSequence": "EP",
    "SequenceName": "_epfid2d1_64",
    "SequenceVariant": "SK",
    "SliceTiming": [
      0,
      0.7775,
      0.055,
      0.8325,
      0.11,
      0.8875,
      0.165,
      0.9425,
      0.22,
      0.9975,
      0.2775,
      1.055,
      0.3325,
      1.11,
      0.3875,
      1.165,
      0.4425,
      1.22,
      0.5,
      1.2775,
      0.555,
      1.3325,
      0.61,
      1.3875,
      0.665,
      1.4425,
      0.72
    ],
    "SoftwareVersions": "syngo_MR_D11",
    "StationName": "AWP45031",
    "TaskDescription": "Passively listened to audio story 'prettymouth'",
    "TaskName": "prettymouth",
    "TotalReadoutTime": 0.0245701,
    "dataset": "ds002345",
    "modality": "bold",
    "subject_id": "065",
    "task_id": "prettymouth"
  },
  "dummy_trs": 0,
  "dvars_nstd": 23.14513867607595,
  "dvars_std": 1.2216749036075938,
  "dvars_vstd": 0.9952256928059071,
  "efc": 0.6170463836347754,
  "fber": 1316.454345703125,
  "fd_mean": 0.10863774660689604,
  "fd_num": 13,
  "fd_perc": 2.736842105263158,
  "fwhm_avg": 1.8707321182575132,
  "fwhm_x": 1.8423531869162568,
  "fwhm_y": 2.0821831678562828,
  "fwhm_z": 1.68766,
  "gcor": 0.0662714,
  "gsr_x": -0.018192719668149948,
  "gsr_y": 0.05141843855381012,
  "provenance": {
    "md5sum": "69dedd213a2a6975d45f151c9016472d",
    "settings": {
      "fd_thres": 0.2,
      "testing": false
    },
    "software": "mriqc",
    "version": "21.0.0rc2",
    "webapi_port": null,
    "webapi_url": "https://mriqc.nimh.nih.gov/api/v1"
  },
  "size_t": 475,
  "size_x": 64,
  "size_y": 64,
  "size_z": 27,
  "snr": 5.816706266666697,
  "spacing_tr": 1.5,
  "spacing_x": 3.000000238418579,
  "spacing_y": 3.000000238418579,
  "spacing_z": 4.0,
  "summary_bg_k": 30.07313887818532,
  "summary_bg_mad": 12.934534196553049,
  "summary_bg_mean": 39.601871490478516,
  "summary_bg_median": 18.235788345336914,
  "summary_bg_n": 51307.0,
  "summary_bg_p05": 7.858946800231934,
  "summary_bg_p95": 131.74399108886718,
  "summary_bg_stdv": 59.88588333129883,
  "summary_fg_k": 1.8833117736137348,
  "summary_fg_mad": 104.13488866012204,
  "summary_fg_mean": 727.2025146484375,
  "summary_fg_median": 710.1873168945312,
  "summary_fg_n": 30961.0,
  "summary_fg_p05": 568.4589233398438,
  "summary_fg_p95": 961.08837890625,
  "summary_fg_stdv": 122.09243774414062,
  "tsnr": 77.69854560564272
}