{
  "bids_meta": {
    "AcquisitionMatrixPE": 256,
    "BaseResolution": 256,
    "BodyPartExamined": "BRAIN",
    "ConsistencyInfo": "N4_VE11C_LATEST_20160120",
    "ConversionSoftware": "dcm2niix",
    "ConversionSoftwareVersion": "v1.0.20180328 GCC6.3.0",
    "DeviceSerialNumber": "66018",
    "DwellTime": 9.8e-06,
    "EchoTime": 0.428,
    "EchoTrainLength": 175,
    "FlipAngle": 120,
    "ImageOrientationPatientDICOM": [
      0,
      1,
      0,
      0,
      0,
      -1
    ],
    "ImageType": [
      "ORIGINAL",
      "PRIMARY",
      "M",
      "ND"
    ],
    "InPlanePhaseEncodingDirectionDICOM": "ROW",
    "InstitutionAddress": "Washington Rd, Princeton, NJ 08540, USA",
    "InstitutionName": "Princeton University",
    "InstitutionalDepartmentName": "Princeton Neuroscience Institute",
    "MRAcquisitionType": "3D",
    "MagneticFieldStrength": 3,
    "Manufacturer": "Siemens",
    "ManufacturersModelName": "Prisma",
    "Modality": "MR",
    "ParallelReductionFactorInPlane": 2,
    "ParallelReductionType": "GRAPPA",
    "PartialFourier": 1,
    "PatientPosition": "HFS",
    "PercentPhaseFOV": 100,
    "PhaseEncodingSteps": 175,
    "PhaseResolution": 1,
    "PixelBandwidth": 200,
    "ProcedureStepDescription": "Hasson_Nastase_042518_Storyteller",
    "ProtocolName": "anat-T2w",
    "PulseSequenceDetails": "%SiemensSeq%_tse_vfl",
    "ReceiveCoilActiveElements": "HC1-7;NC1",
    "ReceiveCoilName": "HeadNeck_64",
    "ReconMatrixPE": 256,
    "RepetitionTime": 3.2,
    "SAR": 0.0523291,
    "ScanOptions": "PFP",
    "ScanningSequence": "SE",
    "SequenceName": "_spc_230ns",
    "SequenceVariant": "SK_SP",
    "SeriesDescription": "anat-T2w",
    "SeriesNumber": 12,
    "ShimSetting": [
      780,
      507,
      2012,
      470,
      -42,
      -398,
      267,
      -32
    ],
    "SliceThickness": 1,
    "SoftwareVersions": "syngo_MR_E11",
    "StationName": "AWP66018",
    "TxRefAmp": 230.712,
    "dataset": "ds002345",
    "modality": "T2w",
    "subject_id": "288"
  },
  "cjv": 0.5070747284401558,
  "cnr": 1.90306765988583,
  "efc": 0.5055922705624972,
  "fber": 1268.038185941043,
  "fwhm_avg": 2.3753933333333332,
  "fwhm_x": 2.57128,
  "fwhm_y": 2.06516,
  "fwhm_z": 2.48974,
  "icvs_csf": 0.3134941813782212,
  "icvs_gm": 0.1540215102873058,
  "icvs_wm": 0.532484308334473,
  "inu_med": 0.999862015247345,
  "inu_range": 0.30026032328605656,
  "provenance": {
    "md5sum": "927894752f1b8602833f24e1fe1d0ed3",
    "settings": {
      "testing": false
    },
    "software": "mriqc",
    "version": "22.0.0rc1",
    "warnings": {
      "large_rot_frame": true,
      "small_air_mask": false
    },
    "webapi_port": null,
    "webapi_url": "https://mriqc.nimh.nih.gov/api/v1"
  },
  "qi_1": 0.0,
  "qi_2": 0.026281111476140998,
  "rpve_csf": 17.454835629601973,
  "rpve_gm": 42.442587455921625,
  "rpve_wm": 12.517752812437987,
  "size_x": 176,
  "size_y": 256,
  "size_z": 256,
  "snr_csf": 4.830978021009085,
  "snr_gm": 2.928799266318496,
  "snr_total": 5.034701557902553,
  "snr_wm": 7.344327386380077,
  "snrd_csf": 53.03855781958886,
  "snrd_gm": 81.0181540794902,
  "snrd_total": 53.97492845474386,
  "snrd_wm": 27.868073465152538,
  "spacing_x": 1.0,
  "spacing_y": 1.0,
  "spacing_z": 1.0,
  "summary_bg_k": 3.6137072880449868,
  "summary_bg_mad": 23.508491990202664,
  "summary_bg_mean": 24.74510938448641,
  "summary_bg_median": 16.007248669862747,
  "summary_bg_n": 3042889.0,
  "summary_bg_p05": 0.0,
  "summary_bg_p95": 63.87798289954662,
  "summary_bg_stdv": 23.82318800220376,
  "summary_csf_k": -0.14367720573714093,
  "summary_csf_mad": 410.1672126290598,
  "summary_csf_mean": 1934.44350150186,
  "summary_csf_median": 1903.201462134719,
  "summary_csf_n": 20839.0,
  "summary_csf_p05": 1370.1298790723085,
  "summary_csf_p95": 2653.760210615396,
  "summary_csf_stdv": 393.9483452203709,
  "summary_gm_k": 0.7377621431418762,
  "summary_gm_mad": 853.3582592443566,
  "summary_gm_mean": 2966.2867747551145,
  "summary_gm_median": 2907.203280828893,
  "summary_gm_n": 15656.0,
  "summary_gm_p05": 1315.1615911871195,
  "summary_gm_p95": 4677.287858977914,
  "summary_gm_stdv": 992.59463305676,
  "summary_wm_k": 1.4026487973889932,
  "summary_wm_mad": 113.73632315259955,
  "summary_wm_mean": 1000.4496062405092,
  "summary_wm_median": 1000.0000065267086,
  "summary_wm_n": 237531.0,
  "summary_wm_p05": 779.5228078663349,
  "summary_wm_p95": 1232.5581475794315,
  "summary_wm_stdv": 136.1592217948448,
  "tpm_overlap_csf": 0.12017682194709778,
  "tpm_overlap_gm": 0.12167111039161682,
  "tpm_overlap_wm": 0.46369874477386475,
  "wm2max": 0.2039693319080149
}