{
  "aor": 0.0009,
  "aqi": 0.005401767263843648,
  "bids_meta": {
    "CogAtlasID": "https://www.cognitiveatlas.org/task/id/trm_4c8991fadfe01",
    "DeviceSerialNumber": "66018",
    "DwellTime": 4.2e-06,
    "EchoTime": 0.039,
    "EffectiveEchoSpacing": 0.000929976,
    "FlipAngle": 50,
    "InstitutionAddress": "Washington Rd, Princeton, NJ 08540, USA",
    "InstitutionName": "Princeton University",
    "InstitutionalDepartmentName": "Princeton Neuroscience Institute",
    "MagneticFieldStrength": 3,
    "Manufacturer": "Siemens",
    "ManufacturersModelName": "Prisma",
    "NumberOfVolumesDiscardedByScanner": 3,
    "ParallelReductionType": "GRAPPA",
    "PartialFourier": 0.75,
    "PhaseEncodingDirection": "j-",
    "PixelBandwidth": 1240,
    "PulseSequenceDetails": "%CustomerSeq%_ep2d_bold_sms_mgh_v22",
    "PulseSequenceType": "Gradient Echo EPI",
    "ReceiveCoilActiveElements": "HC1-7;NC1,2",
    "ReceiveCoilName": "HeadNeck_64",
    "RepetitionTime": 1.5,
    "ScanOptions": "PFP_FS",
    "ScanningSequence": "EP",
    "SequenceName": "epfSM2d1_96",
    "SequenceVariant": "SK",
    "SliceTiming": [
      0.6925,
      0,
      0.79,
      0.1,
      0.8875,
      0.1975,
      0.9875,
      0.2975,
      1.085,
      0.395,
      1.185,
      0.495,
      1.2825,
      0.5925,
      1.3825,
      0.6925,
      0,
      0.79,
      0.1,
      0.8875,
      0.1975,
      0.9875,
      0.2975,
      1.085,
      0.395,
      1.185,
      0.495,
      1.2825,
      0.5925,
      1.3825,
      0.6925,
      0,
      0.79,
      0.1,
      0.8875,
      0.1975,
      0.9875,
      0.2975,
      1.085,
      0.395,
      1.185,
      0.495,
      1.2825,
      0.5925,
      1.3825,
      0.6925,
      0,
      0.79,
      0.1,
      0.8875,
      0.1975,
      0.9875,
      0.2975,
      1.085,
      0.395,
      1.185,
      0.495,
      1.2825,
      0.5925,
      1.3825
    ],
    "SoftwareVersions": "syngo_MR_D13D",
    "StationName": "AWP66018",
    "TaskDescription": "Passively listened to audio story 'shapessocial'",
    "TaskName": "shapessocial",
    "TotalReadoutTime": 0.0883478,
    "dataset": "ds002345",
    "modality": "bold",
    "subject_id": "214",
    "task_id": "shapessocial"
  },
  "dummy_trs": 2,
  "dvars_nstd": 47.883253347091504,
  "dvars_std": 1.2480891917647055,
  "dvars_vstd": 1.0020855627777785,
  "efc": 0.5711811368751312,
  "fber": 347.7657165527344,
  "fd_mean": 0.22332666294580014,
  "fd_num": 172,
  "fd_perc": 56.02605863192182,
  "fwhm_avg": 3.1341966666666665,
  "fwhm_x": 3.095345,
  "fwhm_y": 3.139035,
  "fwhm_z": 3.16821,
  "gcor": 0.0089651,
  "gsr_x": -0.01625140942633152,
  "gsr_y": 0.06365436315536499,
  "provenance": {
    "md5sum": "814cef83c53e232d23fe8cb64effac9b",
    "settings": {
      "fd_thres": 0.2,
      "testing": false
    },
    "software": "mriqc",
    "version": "22.0.0rc1",
    "webapi_port": null,
    "webapi_url": "https://mriqc.nimh.nih.gov/api/v1"
  },
  "size_t": 307,
  "size_x": 96,
  "size_y": 96,
  "size_z": 60,
  "snr": 1.5318902667443504,
  "spacing_tr": 1.5,
  "spacing_x": 2.0,
  "spacing_y": 2.0,
  "spacing_z": 2.0,
  "summary_bg_k": 27.61469136369433,
  "summary_bg_mad": 9.156396652614168,
  "summary_bg_mean": 45.359989166259766,
  "summary_bg_median": 27.530942916870117,
  "summary_bg_n": 285933.0,
  "summary_bg_p05": 20.05211639404297,
  "summary_bg_p95": 130.10357360839822,
  "summary_bg_stdv": 47.08942413330078,
  "summary_fg_k": 7.040762719605256,
  "summary_fg_mad": 227.18589579889354,
  "summary_fg_mean": 629.1604614257812,
  "summary_fg_median": 534.9608764648438,
  "summary_fg_n": 173455.0,
  "summary_fg_p05": 289.5113830566406,
  "summary_fg_p95": 1329.7364746093733,
  "summary_fg_stdv": 349.2151794433594,
  "tsnr": 41.15036860737018
}