{
  "bids_meta": {
    "DeviceSerialNumber": "66018",
    "DwellTime": 9.8e-06,
    "EchoTime": 0.00267,
    "FlipAngle": 7,
    "InstitutionAddress": "Washington Rd, Building 25, Princeton, NJ 08540, USA",
    "InstitutionName": "Princeton University",
    "InstitutionalDepartmentName": "Princeton Neuroscience Institute",
    "InversionTime": 1.2,
    "MagneticFieldStrength": 3,
    "Manufacturer": "Siemens",
    "ManufacturersModelName": "Prisma",
    "ParallelReductionFactorInPlane": 2,
    "ParellelReductionType": "TODO",
    "PartialFourier": 1,
    "PixelBandwidth": 200,
    "PulseSequenceDetails": "%SiemensSeq%_tfl",
    "PulseSequenceType": "MPRAGE",
    "ReceiveCoilActiveElements": "HC1-7;NC1",
    "ReceiveCoilName": "HeadNeck_64",
    "RepetitionTime": 2.53,
    "ScanOptions": "IR",
    "ScanningSequence": "GR_IR",
    "SequenceName": "_tfl3d1_16",
    "SequenceVariant": "SK_SP_MP",
    "SoftwareVersions": "syngo_MR_D13D",
    "StationName": "AWP66018",
    "dataset": "ds002345",
    "modality": "T1w",
    "subject_id": "194"
  },
  "cjv": 0.3818915960372012,
  "cnr": 3.2905585719309576,
  "efc": 0.5838272074825995,
  "fber": 372.8306660899654,
  "fwhm_avg": 3.582196666666667,
  "fwhm_x": 3.47431,
  "fwhm_y": 3.63876,
  "fwhm_z": 3.63352,
  "icvs_csf": 0.18936297954906356,
  "icvs_gm": 0.4484866907016211,
  "icvs_wm": 0.3621503297493153,
  "inu_med": 1.3961807489395142,
  "inu_range": 0.5653206348419191,
  "provenance": {
    "md5sum": "ebbd2134eb0105b333179c196c9a1f13",
    "settings": {
      "testing": false
    },
    "software": "mriqc",
    "version": "22.0.0rc1",
    "warnings": {
      "large_rot_frame": true,
      "small_air_mask": false
    },
    "webapi_port": null,
    "webapi_url": "https://mriqc.nimh.nih.gov/api/v1"
  },
  "qi_1": 0.0,
  "qi_2": 0.0030541749023064828,
  "rpve_csf": 30.827338961800677,
  "rpve_gm": 14.308232218822067,
  "rpve_wm": 20.57258582747269,
  "size_x": 176,
  "size_y": 256,
  "size_z": 256,
  "snr_csf": 1.5067689703385858,
  "snr_gm": 10.909031216562877,
  "snr_total": 10.47557203459358,
  "snr_wm": 19.010915916879274,
  "snrd_csf": 14.252657467921148,
  "snrd_gm": 23.86942199822095,
  "snrd_total": 23.816447747818916,
  "snrd_wm": 33.32726377731466,
  "spacing_x": 1.0,
  "spacing_y": 1.0,
  "spacing_z": 1.0,
  "summary_bg_k": 0.34565276065677564,
  "summary_bg_mad": 19.658814309181636,
  "summary_bg_mean": 35.79539364308005,
  "summary_bg_median": 33.9052056260407,
  "summary_bg_n": 2992110.0,
  "summary_bg_p05": 8.548996958881617,
  "summary_bg_p95": 69.72957383468747,
  "summary_bg_stdv": 18.995812012696344,
  "summary_csf_k": 17.905996170440464,
  "summary_csf_mad": 142.0952893926813,
  "summary_csf_mean": 450.26401730641214,
  "summary_csf_median": 427.68247371166945,
  "summary_csf_n": 3753.0,
  "summary_csf_p05": 169.93312322348356,
  "summary_csf_p95": 743.5184783667322,
  "summary_csf_stdv": 283.8029582416305,
  "summary_gm_k": 0.36411805800414454,
  "summary_gm_mad": 62.252911979075186,
  "summary_gm_mean": 717.9832334383816,
  "summary_gm_median": 716.2547384053469,
  "summary_gm_n": 20278.0,
  "summary_gm_p05": 612.7944282703102,
  "summary_gm_p95": 829.5434872210026,
  "summary_gm_stdv": 65.65542467400468,
  "summary_wm_k": 1.7665478376913688,
  "summary_wm_mad": 46.12923533075516,
  "summary_wm_mean": 1003.2422046446661,
  "summary_wm_median": 1000.0581748634577,
  "summary_wm_n": 157656.0,
  "summary_wm_p05": 923.7569230943918,
  "summary_wm_p95": 1092.410604596138,
  "summary_wm_stdv": 52.604251556553905,
  "tpm_overlap_csf": 0.15222923457622528,
  "tpm_overlap_gm": 0.4474756717681885,
  "tpm_overlap_wm": 0.4861762821674347,
  "wm2max": 0.3878140988895382
}