{
  "aor": 0.0016203076923076924,
  "aqi": 0.016961731102564104,
  "bids_meta": {
    "AcquisitionMatrixPE": 96,
    "BandwidthPerPixelPhaseEncode": 20.425,
    "BaseResolution": 96,
    "BodyPartExamined": "BRAIN",
    "ConsistencyInfo": "N4_VE11C_LATEST_20160120",
    "ConversionSoftware": "dcm2niix",
    "ConversionSoftwareVersion": "v1.0.20180328 GCC6.3.0",
    "DerivedVendorReportedEchoSpacing": 0.000509996,
    "DeviceSerialNumber": "66018",
    "DwellTime": 2.1e-06,
    "EchoTime": 0.031,
    "EchoTrainLength": 96,
    "EffectiveEchoSpacing": 0.000509996,
    "FlipAngle": 67,
    "ImageOrientationPatientDICOM": [
      1,
      0,
      0,
      0,
      1,
      0
    ],
    "ImageType": [
      "ORIGINAL",
      "PRIMARY",
      "M",
      "ND",
      "NORM",
      "MOSAIC"
    ],
    "InPlanePhaseEncodingDirectionDICOM": "COL",
    "InstitutionAddress": "Washington Rd, Princeton, NJ 08540, USA",
    "InstitutionName": "Princeton University",
    "InstitutionalDepartmentName": "Princeton Neuroscience Institute",
    "MRAcquisitionType": "2D",
    "MagneticFieldStrength": 3,
    "Manufacturer": "Siemens",
    "ManufacturersModelName": "Prisma",
    "Modality": "MR",
    "MultibandAccelerationFactor": 3,
    "NumberOfVolumesDiscardedByScanner": 3,
    "PartialFourier": 1,
    "PatientPosition": "HFS",
    "PercentPhaseFOV": 100,
    "PhaseEncodingDirection": "j-",
    "PhaseEncodingSteps": 96,
    "PhaseResolution": 1,
    "PixelBandwidth": 2480,
    "ProcedureStepDescription": "Hasson_Nastase_042518_Storyteller",
    "ProtocolName": "func_task-bronx",
    "PulseSequenceDetails": "%SiemensSeq%_ep2d_bold",
    "ReceiveCoilActiveElements": "HC1-7;NC1",
    "ReceiveCoilName": "HeadNeck_64",
    "ReconMatrixPE": 96,
    "RepetitionTime": 1.5,
    "SAR": 0.0456328,
    "ScanOptions": "FS",
    "ScanningSequence": "EP",
    "SequenceName": "_epfid2d1_96",
    "SequenceVariant": "SK",
    "SeriesDescription": "func_task-bronx",
    "SeriesNumber": 8,
    "ShimSetting": [
      751,
      536,
      2054,
      653,
      -128,
      -109,
      51,
      5
    ],
    "SliceThickness": 2.5,
    "SliceTiming": [
      1.1075,
      0,
      0.74,
      0.0925,
      0.8325,
      0.185,
      0.9225,
      0.2775,
      1.015,
      0.4625,
      1.2,
      0.555,
      1.2925,
      0.6475,
      1.385,
      0.37,
      1.1075,
      0,
      0.74,
      0.0925,
      0.8325,
      0.185,
      0.9225,
      0.2775,
      1.015,
      0.4625,
      1.2,
      0.555,
      1.2925,
      0.6475,
      1.385,
      0.37,
      1.1075,
      0,
      0.74,
      0.0925,
      0.8325,
      0.185,
      0.9225,
      0.2775,
      1.015,
      0.4625,
      1.2,
      0.555,
      1.2925,
      0.6475,
      1.385,
      0.37
    ],
    "SoftwareVersions": "syngo_MR_E11",
    "SpacingBetweenSlices": 2.5,
    "StationName": "AWP66018",
    "TaskDescription": "Passively listened to audio story 'bronx'",
    "TaskName": "bronx",
    "TotalReadoutTime": 0.0484496,
    "TxRefAmp": 259.139,
    "dataset": "ds002345",
    "modality": "bold",
    "subject_id": "297",
    "task_id": "bronx"
  },
  "dummy_trs": 0,
  "dvars_nstd": 24.98223045879176,
  "dvars_std": 1.096378507609254,
  "dvars_vstd": 0.9664014185604118,
  "efc": 0.44990311192391863,
  "fber": 4004.21435546875,
  "fd_mean": 0.1362863376813742,
  "fd_num": 38,
  "fd_perc": 9.743589743589743,
  "fwhm_avg": 2.090117333333333,
  "fwhm_x": 1.9712599999999998,
  "fwhm_y": 2.312976,
  "fwhm_z": 1.9861160000000002,
  "gcor": 0.00911931,
  "gsr_x": -0.009488404728472233,
  "gsr_y": 0.02574237994849682,
  "provenance": {
    "md5sum": "5e0c1ce3ddc091c4feb9602221df163b",
    "settings": {
      "fd_thres": 0.2,
      "testing": false
    },
    "software": "mriqc",
    "version": "22.0.0rc1",
    "webapi_port": null,
    "webapi_url": "https://mriqc.nimh.nih.gov/api/v1"
  },
  "size_t": 390,
  "size_x": 96,
  "size_y": 96,
  "size_z": 48,
  "snr": 6.667965171091517,
  "spacing_tr": 1.5,
  "spacing_x": 2.5,
  "spacing_y": 2.5,
  "spacing_z": 2.5,
  "summary_bg_k": 34.75834175621316,
  "summary_bg_mad": 6.804765478699719,
  "summary_bg_mean": 27.052108764648438,
  "summary_bg_median": 11.40256404876709,
  "summary_bg_n": 317068.0,
  "summary_bg_p05": 5.4188462734222425,
  "summary_bg_p95": 96.00513458251953,
  "summary_bg_stdv": 49.473365783691406,
  "summary_fg_k": 3.9953703303692976,
  "summary_fg_mad": 88.62918964015418,
  "summary_fg_mean": 716.1142578125,
  "summary_fg_median": 722.662841796875,
  "summary_fg_n": 64138.0,
  "summary_fg_p05": 536.9432189941406,
  "summary_fg_p95": 871.9668029785155,
  "summary_fg_stdv": 108.37747192382812,
  "tsnr": 49.107168547809124
}