{
  "bids_meta": {
    "DeviceSerialNumber": "45031",
    "DwellTime": 8.2e-06,
    "EchoTime": 0.00308,
    "FlipAngle": 9,
    "InstitutionAddress": "Washington Rd, Princeton, NJ 08540, USA",
    "InstitutionName": "Princeton University",
    "InstitutionalDepartmentName": "Princeton Neuroscience Institute",
    "InversionTime": 0.9,
    "MagneticFieldStrength": 3,
    "Manufacturer": "Siemens",
    "ManufacturersModelName": "Skyra",
    "ParallelReductionFactorInPlane": 2,
    "ParallelReductionType": "GRAPPA",
    "PartialFourier": 1,
    "PixelBandwidth": 240,
    "PulseSequenceDetails": "%SiemensSeq%_tfl",
    "PulseSequenceType": "MPRAGE",
    "ReceiveCoilActiveElements": "HE1-4",
    "ReceiveCoilName": "HeadNeck_20",
    "RepetitionTime": 2.3,
    "ScanOptions": "IR",
    "ScanningSequence": "GR_IR",
    "SequenceName": "_tfl3d1_16ns",
    "SequenceVariant": "SK_SP_MP",
    "SoftwareVersions": "syngo_MR_D11",
    "StationName": "AWP45031",
    "dataset": "ds002345",
    "modality": "T1w",
    "subject_id": "084"
  },
  "cjv": 0.3996173626770351,
  "cnr": 3.2882980025013318,
  "efc": 0.6339203783921845,
  "fber": 1054.0443625209573,
  "fwhm_avg": 3.2673697196803104,
  "fwhm_x": 3.3694109772227483,
  "fwhm_y": 3.352087272727273,
  "fwhm_z": 3.0806109090909093,
  "icvs_csf": 0.16216804800221968,
  "icvs_gm": 0.47126952875783457,
  "icvs_wm": 0.36656242323994576,
  "inu_med": 1.412152647972107,
  "inu_range": 0.6094982028007507,
  "provenance": {
    "md5sum": "298104c5504645fa9bb5245df4de5b72",
    "settings": {
      "testing": false
    },
    "software": "mriqc",
    "version": "21.0.0rc2",
    "warnings": {
      "large_rot_frame": true,
      "small_air_mask": false
    },
    "webapi_port": null,
    "webapi_url": "https://mriqc.nimh.nih.gov/api/v1"
  },
  "qi_1": 0.0001782441952576392,
  "qi_2": 0.003754598173542362,
  "rpve_csf": 21.815027981254833,
  "rpve_gm": 8.81009515220357,
  "rpve_wm": 12.724228485662213,
  "size_x": 192,
  "size_y": 256,
  "size_z": 256,
  "snr_csf": 1.7340117286601213,
  "snr_gm": 10.232429403262802,
  "snr_total": 9.052061434008975,
  "snr_wm": 15.189743170104002,
  "snrd_csf": 19.814759951900875,
  "snrd_gm": 38.62423659830669,
  "snrd_total": 38.19708325238204,
  "snrd_wm": 56.15225320693857,
  "spacing_x": 0.9000000357627869,
  "spacing_y": 0.859375,
  "spacing_z": 0.859375,
  "summary_bg_k": 4.738463432059366,
  "summary_bg_mad": 11.667143628635552,
  "summary_bg_mean": 19.158358387128292,
  "summary_bg_median": 16.066627949476242,
  "summary_bg_n": 2567094.0,
  "summary_bg_p05": 2.6887010037899017,
  "summary_bg_p95": 42.42901340126991,
  "summary_bg_stdv": 12.588931937120499,
  "summary_csf_k": 43.19591259913505,
  "summary_csf_mad": 148.7560812651033,
  "summary_csf_mean": 378.7348200873778,
  "summary_csf_median": 352.8756122291088,
  "summary_csf_n": 16380.0,
  "summary_csf_p05": 181.5168278887868,
  "summary_csf_p95": 586.2056758031249,
  "summary_csf_stdv": 203.49622479112554,
  "summary_gm_k": 0.5740329279144718,
  "summary_gm_mad": 62.419218413200205,
  "summary_gm_mean": 688.4545678118135,
  "summary_gm_median": 687.8484104573727,
  "summary_gm_n": 49837.0,
  "summary_gm_p05": 578.7920746207237,
  "summary_gm_p95": 800.3803841769695,
  "summary_gm_stdv": 67.22172050579891,
  "summary_wm_k": 0.46444155955092636,
  "summary_wm_mad": 62.32199221629491,
  "summary_wm_mean": 998.03213009368,
  "summary_wm_median": 1000.0000391900539,
  "summary_wm_n": 314299.0,
  "summary_wm_p05": 885.9597697854042,
  "summary_wm_p95": 1102.3018334805965,
  "summary_wm_stdv": 65.83379568359335,
  "tpm_overlap_csf": 0.17677052319049835,
  "tpm_overlap_gm": 0.4488387703895569,
  "tpm_overlap_wm": 0.4871748983860016,
  "wm2max": 0.43471016877566465
}