{
  "aor": 0.0009357666666666666,
  "aqi": 0.0061406956333333335,
  "bids_meta": {
    "CogAtlasID": "https://www.cognitiveatlas.org/task/id/trm_4c8991fadfe01",
    "DeviceSerialNumber": "45031",
    "DwellTime": 5.4e-06,
    "EchoTime": 0.028,
    "EffectiveEchoSpacing": 0.000390001,
    "FlipAngle": 64,
    "InstitutionAddress": "Washington Rd, Princeton, NJ 08540, USA",
    "InstitutionName": "Princeton University",
    "InstitutionalDepartmentName": "Princeton Neuroscience Institute",
    "MagneticFieldStrength": 3,
    "Manufacturer": "Siemens",
    "ManufacturersModelName": "Skyra",
    "NumberOfVolumesDiscardedByScanner": 3,
    "ParallelReductionFactorInPlane": 2,
    "ParallelReductionType": "GRAPPA",
    "PartialFourier": 1,
    "PhaseEncodingDirection": "j-",
    "PixelBandwidth": 1445,
    "PulseSequenceDetails": "%SiemensSeq%_ep2d_bold",
    "PulseSequenceType": "Gradient Echo EPI",
    "ReceiveCoilActiveElements": "HE1-4",
    "ReceiveCoilName": "HeadNeck_20",
    "RepetitionTime": 1.5,
    "ScanOptions": "FS",
    "ScanningSequence": "EP",
    "SequenceName": "_epfid2d1_64",
    "SequenceVariant": "SK",
    "SliceTiming": [
      0,
      0.7775,
      0.055,
      0.8325,
      0.11,
      0.89,
      0.1675,
      0.945,
      0.2225,
      1,
      0.2775,
      1.055,
      0.3325,
      1.11,
      0.39,
      1.1675,
      0.445,
      1.2225,
      0.5,
      1.2775,
      0.555,
      1.3325,
      0.61,
      1.3875,
      0.6675,
      1.445,
      0.7225
    ],
    "SoftwareVersions": "syngo_MR_D11",
    "StationName": "AWP45031",
    "TaskDescription": "Passively listened to audio story 'pieman'",
    "TaskName": "pieman",
    "TotalReadoutTime": 0.0245701,
    "dataset": "ds002345",
    "modality": "bold",
    "subject_id": "053",
    "task_id": "pieman"
  },
  "dummy_trs": 0,
  "dvars_nstd": 22.625830965986626,
  "dvars_std": 1.2206149984615389,
  "dvars_vstd": 0.9971369477257533,
  "efc": 0.6318144317046323,
  "fber": 1118.04541015625,
  "fd_mean": 0.11700265884359251,
  "fd_num": 14,
  "fd_perc": 4.666666666666667,
  "fwhm_avg": 1.9217477082827437,
  "fwhm_x": 1.84684,
  "fwhm_y": 2.1695033333333336,
  "fwhm_z": 1.7488997915148983,
  "gcor": 0.0372747,
  "gsr_x": -0.005528629291802645,
  "gsr_y": 0.05765924230217934,
  "provenance": {
    "md5sum": "90b31dbf924462b8044e0dd66ac847dc",
    "settings": {
      "fd_thres": 0.2,
      "testing": false
    },
    "software": "mriqc",
    "version": "21.0.0rc2",
    "webapi_port": null,
    "webapi_url": "https://mriqc.nimh.nih.gov/api/v1"
  },
  "size_t": 300,
  "size_x": 64,
  "size_y": 64,
  "size_z": 27,
  "snr": 6.73826988320127,
  "spacing_tr": 1.5,
  "spacing_x": 3.0,
  "spacing_y": 3.0,
  "spacing_z": 4.000000476837158,
  "summary_bg_k": 16.786001841499964,
  "summary_bg_mad": 17.86041395265474,
  "summary_bg_mean": 55.138240814208984,
  "summary_bg_median": 21.399999618530273,
  "summary_bg_n": 51032.0,
  "summary_bg_p05": 7.693333625793457,
  "summary_bg_p95": 211.67150268554667,
  "summary_bg_stdv": 81.58576965332031,
  "summary_fg_k": 1.6591541631762272,
  "summary_fg_mad": 105.54894405364486,
  "summary_fg_mean": 783.6416015625,
  "summary_fg_median": 773.9883422851562,
  "summary_fg_n": 31316.0,
  "summary_fg_p05": 622.6075134277344,
  "summary_fg_p95": 986.0733337402344,
  "summary_fg_stdv": 114.86271667480469,
  "tsnr": 72.46311987389345
}