{
  "aor": 0.01729059459459459,
  "aqi": 0.016448032783783786,
  "bids_meta": {
    "CogAtlasID": "https://www.cognitiveatlas.org/task/id/trm_4c8991fadfe01",
    "DeviceSerialNumber": "45031",
    "DwellTime": 5.4e-06,
    "EchoTime": 0.028,
    "EffectiveEchoSpacing": 0.000390001,
    "FlipAngle": 64,
    "InstitutionAddress": "Washington Rd, Princeton, NJ 08540, USA",
    "InstitutionName": "Princeton University",
    "InstitutionalDepartmentName": "Princeton Neuroscience Institute",
    "MagneticFieldStrength": 3,
    "Manufacturer": "Siemens",
    "ManufacturersModelName": "Skyra",
    "NumberOfVolumesDiscardedByScanner": 3,
    "ParallelReductionFactorInPlane": 2,
    "ParallelReductionType": "GRAPPA",
    "PartialFourier": 1,
    "PhaseEncodingDirection": "j-",
    "PixelBandwidth": 1445,
    "PulseSequenceDetails": "%SiemensSeq%_ep2d_bold",
    "PulseSequenceType": "Gradient Echo EPI",
    "ReceiveCoilActiveElements": "HE1-4",
    "ReceiveCoilName": "HeadNeck_20",
    "RepetitionTime": 1.5,
    "ScanOptions": "FS",
    "ScanningSequence": "EP",
    "SequenceName": "_epfid2d1_64",
    "SequenceVariant": "SK",
    "SliceTiming": [
      0,
      0.7775,
      0.0575,
      0.835,
      0.1125,
      0.89,
      0.1675,
      0.945,
      0.2225,
      1,
      0.28,
      1.0575,
      0.335,
      1.1125,
      0.39,
      1.1675,
      0.445,
      1.2225,
      0.5,
      1.2775,
      0.5575,
      1.335,
      0.6125,
      1.39,
      0.6675,
      1.445,
      0.7225
    ],
    "SoftwareVersions": "syngo_MR_D11",
    "StationName": "AWP45031",
    "TaskDescription": "Passively listened to audio story 'lucy'",
    "TaskName": "lucy",
    "TotalReadoutTime": 0.0245701,
    "dataset": "ds002345",
    "modality": "bold",
    "subject_id": "053",
    "task_id": "lucy"
  },
  "dummy_trs": 0,
  "dvars_nstd": 23.329394855040672,
  "dvars_std": 1.3144378999186999,
  "dvars_vstd": 1.185190642601626,
  "efc": 0.631178249016539,
  "fber": 1122.7763671875,
  "fd_mean": 0.1372132233238398,
  "fd_num": 35,
  "fd_perc": 9.45945945945946,
  "fwhm_avg": 1.9305138191131175,
  "fwhm_x": 1.8547500000000001,
  "fwhm_y": 2.180826666666667,
  "fwhm_z": 1.7559647906726847,
  "gcor": 0.0307036,
  "gsr_x": -0.006801990792155266,
  "gsr_y": 0.05725197121500969,
  "provenance": {
    "md5sum": "f58420ef5e152772deca4ba3f83b83ab",
    "settings": {
      "fd_thres": 0.2,
      "testing": false
    },
    "software": "mriqc",
    "version": "21.0.0rc2",
    "webapi_port": null,
    "webapi_url": "https://mriqc.nimh.nih.gov/api/v1"
  },
  "size_t": 370,
  "size_x": 64,
  "size_y": 64,
  "size_z": 27,
  "snr": 6.79778933448402,
  "spacing_tr": 1.5,
  "spacing_x": 3.0,
  "spacing_y": 3.0,
  "spacing_z": 4.000000476837158,
  "summary_bg_k": 18.07971340347664,
  "summary_bg_mad": 18.123810217761868,
  "summary_bg_mean": 54.46342849731445,
  "summary_bg_median": 21.532432556152344,
  "summary_bg_n": 51011.0,
  "summary_bg_p05": 7.675675868988037,
  "summary_bg_p95": 208.17432403564453,
  "summary_bg_stdv": 79.86917114257812,
  "summary_fg_k": 1.579927662687317,
  "summary_fg_mad": 106.20043298627004,
  "summary_fg_mean": 787.7996215820312,
  "summary_fg_median": 777.7135009765625,
  "summary_fg_n": 31308.0,
  "summary_fg_p05": 626.9771881103516,
  "summary_fg_p95": 989.1852722167969,
  "summary_fg_stdv": 114.40499877929688,
  "tsnr": 51.617045817896724
}