{
  "aor": 0.0021141423948220065,
  "aqi": 0.007465195210355987,
  "bids_meta": {
    "CogAtlasID": "https://www.cognitiveatlas.org/task/id/trm_4c8991fadfe01",
    "DeviceSerialNumber": "66018",
    "DwellTime": 4.2e-06,
    "EchoTime": 0.039,
    "EffectiveEchoSpacing": 0.000929976,
    "FlipAngle": 50,
    "InstitutionAddress": "Washington Rd, Princeton, NJ 08540, USA",
    "InstitutionName": "Princeton University",
    "InstitutionalDepartmentName": "Princeton Neuroscience Institute",
    "MagneticFieldStrength": 3,
    "Manufacturer": "Siemens",
    "ManufacturersModelName": "Prisma",
    "NumberOfVolumesDiscardedByScanner": 3,
    "ParallelReductionType": "GRAPPA",
    "PartialFourier": 0.75,
    "PhaseEncodingDirection": "j-",
    "PixelBandwidth": 1240,
    "PulseSequenceDetails": "%CustomerSeq%_ep2d_bold_sms_mgh_v22",
    "PulseSequenceType": "Gradient Echo EPI",
    "ReceiveCoilActiveElements": "HC1-7;NC1,2",
    "ReceiveCoilName": "HeadNeck_64",
    "RepetitionTime": 1.5,
    "ScanOptions": "PFP_FS",
    "ScanningSequence": "EP",
    "SequenceName": "epfSM2d1_96",
    "SequenceVariant": "SK",
    "SliceTiming": [
      0.6925,
      0,
      0.79,
      0.1,
      0.8875,
      0.1975,
      0.9875,
      0.2975,
      1.085,
      0.395,
      1.185,
      0.495,
      1.2825,
      0.5925,
      1.3825,
      0.6925,
      0,
      0.79,
      0.1,
      0.8875,
      0.1975,
      0.9875,
      0.2975,
      1.085,
      0.395,
      1.185,
      0.495,
      1.2825,
      0.5925,
      1.3825,
      0.6925,
      0,
      0.79,
      0.1,
      0.8875,
      0.1975,
      0.9875,
      0.2975,
      1.085,
      0.395,
      1.185,
      0.495,
      1.2825,
      0.5925,
      1.3825,
      0.6925,
      0,
      0.79,
      0.1,
      0.8875,
      0.1975,
      0.9875,
      0.2975,
      1.085,
      0.395,
      1.185,
      0.495,
      1.2825,
      0.5925,
      1.3825
    ],
    "SoftwareVersions": "syngo_MR_D13D",
    "StationName": "AWP66018",
    "TaskDescription": "Passively listened to audio story 'shapessocial'",
    "TaskName": "shapessocial",
    "TotalReadoutTime": 0.0883478,
    "dataset": "ds002345",
    "modality": "bold",
    "subject_id": "127",
    "task_id": "shapessocial"
  },
  "dummy_trs": 0,
  "dvars_nstd": 31.59767842600647,
  "dvars_std": 1.1179911755519483,
  "dvars_vstd": 1.0035334220779215,
  "efc": 0.5683408807556686,
  "fber": 323.2975158691406,
  "fd_mean": 0.08391703585267316,
  "fd_num": 31,
  "fd_perc": 10.032362459546926,
  "fwhm_avg": 2.823843333333333,
  "fwhm_x": 2.64697,
  "fwhm_y": 2.992345,
  "fwhm_z": 2.832215,
  "gcor": 0.0396523,
  "gsr_x": -0.01542150042951107,
  "gsr_y": 0.06220103055238724,
  "provenance": {
    "md5sum": "2f1c4f2a234095171e2606d2c80ccb1e",
    "settings": {
      "fd_thres": 0.2,
      "testing": false
    },
    "software": "mriqc",
    "version": "22.0.0rc1",
    "webapi_port": null,
    "webapi_url": "https://mriqc.nimh.nih.gov/api/v1"
  },
  "size_t": 309,
  "size_x": 96,
  "size_y": 96,
  "size_z": 60,
  "snr": 2.429065829684842,
  "spacing_tr": 1.5,
  "spacing_x": 2.0,
  "spacing_y": 2.0,
  "spacing_z": 2.0,
  "summary_bg_k": 163.29020677972503,
  "summary_bg_mad": 5.330649605976846,
  "summary_bg_mean": 40.4507942199707,
  "summary_bg_median": 25.37864112854004,
  "summary_bg_n": 335608.0,
  "summary_bg_p05": 20.66343116760254,
  "summary_bg_p95": 106.4852787017819,
  "summary_bg_stdv": 54.231258392333984,
  "summary_fg_k": 2.7914755529533117,
  "summary_fg_mad": 163.49408633290653,
  "summary_fg_mean": 506.2869567871094,
  "summary_fg_median": 469.68609619140625,
  "summary_fg_n": 132111.0,
  "summary_fg_p05": 268.0242919921875,
  "summary_fg_p95": 876.3689575195312,
  "summary_fg_stdv": 193.3600616455078,
  "tsnr": 38.76568387495354
}