{
  "aor": 0.0007852181818181818,
  "aqi": 0.014718896890909092,
  "bids_meta": {
    "AcquisitionMatrixPE": 96,
    "BandwidthPerPixelPhaseEncode": 20.425,
    "BaseResolution": 96,
    "BodyPartExamined": "BRAIN",
    "ConsistencyInfo": "N4_VE11C_LATEST_20160120",
    "ConversionSoftware": "dcm2niix",
    "ConversionSoftwareVersion": "v1.0.20180328 GCC6.3.0",
    "DerivedVendorReportedEchoSpacing": 0.000509996,
    "DeviceSerialNumber": "66018",
    "DwellTime": 2.1e-06,
    "EchoTime": 0.031,
    "EchoTrainLength": 96,
    "EffectiveEchoSpacing": 0.000509996,
    "FlipAngle": 67,
    "ImageOrientationPatientDICOM": [
      1,
      0,
      0,
      0,
      1,
      0
    ],
    "ImageType": [
      "ORIGINAL",
      "PRIMARY",
      "M",
      "ND",
      "NORM",
      "MOSAIC"
    ],
    "InPlanePhaseEncodingDirectionDICOM": "COL",
    "InstitutionAddress": "Washington Rd, Princeton, NJ 08540, USA",
    "InstitutionName": "Princeton University",
    "InstitutionalDepartmentName": "Princeton Neuroscience Institute",
    "MRAcquisitionType": "2D",
    "MagneticFieldStrength": 3,
    "Manufacturer": "Siemens",
    "ManufacturersModelName": "Prisma",
    "Modality": "MR",
    "MultibandAccelerationFactor": 3,
    "NumberOfVolumesDiscardedByScanner": 3,
    "PartialFourier": 1,
    "PatientPosition": "HFS",
    "PercentPhaseFOV": 100,
    "PhaseEncodingDirection": "j-",
    "PhaseEncodingSteps": 96,
    "PhaseResolution": 1,
    "PixelBandwidth": 2480,
    "ProcedureStepDescription": "Hasson_Nastase_042518_Storyteller",
    "ProtocolName": "func_task-black",
    "PulseSequenceDetails": "%SiemensSeq%_ep2d_bold",
    "ReceiveCoilActiveElements": "HC1-7;NC1",
    "ReceiveCoilName": "HeadNeck_64",
    "ReconMatrixPE": 96,
    "RepetitionTime": 1.5,
    "SAR": 0.036681,
    "ScanOptions": "FS",
    "ScanningSequence": "EP",
    "SequenceName": "_epfid2d1_96",
    "SequenceVariant": "SK",
    "SeriesDescription": "func_task-black",
    "SeriesNumber": 12,
    "ShimSetting": [
      742,
      542,
      1989,
      575,
      -131,
      349,
      110,
      21
    ],
    "SliceThickness": 2.5,
    "SliceTiming": [
      1.11,
      0,
      0.74,
      0.0925,
      0.8325,
      0.185,
      0.925,
      0.2775,
      1.0175,
      0.4625,
      1.2025,
      0.555,
      1.295,
      0.6475,
      1.3875,
      0.37,
      1.11,
      0,
      0.74,
      0.0925,
      0.8325,
      0.185,
      0.925,
      0.2775,
      1.0175,
      0.4625,
      1.2025,
      0.555,
      1.295,
      0.6475,
      1.3875,
      0.37,
      1.11,
      0,
      0.74,
      0.0925,
      0.8325,
      0.185,
      0.925,
      0.2775,
      1.0175,
      0.4625,
      1.2025,
      0.555,
      1.295,
      0.6475,
      1.3875,
      0.37
    ],
    "SoftwareVersions": "syngo_MR_E11",
    "SpacingBetweenSlices": 2.5,
    "StationName": "AWP66018",
    "TaskDescription": "Passively listened to audio story 'black'",
    "TaskName": "black",
    "TotalReadoutTime": 0.0484496,
    "TxRefAmp": 221.515,
    "dataset": "ds002345",
    "modality": "bold",
    "subject_id": "127",
    "task_id": "black"
  },
  "dummy_trs": 0,
  "dvars_nstd": 20.647955840601085,
  "dvars_std": 1.0233621163934419,
  "dvars_vstd": 0.9436667476684886,
  "efc": 0.4559480305339933,
  "fber": 4680.8388671875,
  "fd_mean": 0.10868675341666947,
  "fd_num": 43,
  "fd_perc": 7.818181818181818,
  "fwhm_avg": 1.9816853333333333,
  "fwhm_x": 1.82842,
  "fwhm_y": 2.19802,
  "fwhm_z": 1.918616,
  "gcor": 0.022408,
  "gsr_x": -0.023252718150615692,
  "gsr_y": 0.03934507071971893,
  "provenance": {
    "md5sum": "5864dcdf418c11c8a684d8eb3634e598",
    "settings": {
      "fd_thres": 0.2,
      "testing": false
    },
    "software": "mriqc",
    "version": "22.0.0rc1",
    "webapi_port": null,
    "webapi_url": "https://mriqc.nimh.nih.gov/api/v1"
  },
  "size_t": 550,
  "size_x": 96,
  "size_y": 96,
  "size_z": 48,
  "snr": 6.122610489338149,
  "spacing_tr": 1.5,
  "spacing_x": 2.5,
  "spacing_y": 2.5,
  "spacing_z": 2.5,
  "summary_bg_k": 55.993716720866566,
  "summary_bg_mad": 6.547710643255293,
  "summary_bg_mean": 28.194520950317383,
  "summary_bg_median": 11.041818618774414,
  "summary_bg_n": 312230.0,
  "summary_bg_p05": 5.0545454025268555,
  "summary_bg_p95": 115.40518493652328,
  "summary_bg_stdv": 56.16465377807617,
  "summary_fg_k": 2.256314150789093,
  "summary_fg_mad": 115.19821047605689,
  "summary_fg_mean": 760.0941162109375,
  "summary_fg_median": 759.1272583007812,
  "summary_fg_n": 67979.0,
  "summary_fg_p05": 582.929638671875,
  "summary_fg_p95": 952.794921875,
  "summary_fg_stdv": 123.98660278320312,
  "tsnr": 52.19452516967431
}