{
  "aor": 0.0017051446945337621,
  "aqi": 0.007513693665594855,
  "bids_meta": {
    "CogAtlasID": "https://www.cognitiveatlas.org/task/id/trm_4c8991fadfe01",
    "DeviceSerialNumber": "66018",
    "DwellTime": 4.2e-06,
    "EchoTime": 0.039,
    "EffectiveEchoSpacing": 0.000929976,
    "FlipAngle": 50,
    "InstitutionAddress": "Washington Rd, Princeton, NJ 08540, USA",
    "InstitutionName": "Princeton University",
    "InstitutionalDepartmentName": "Princeton Neuroscience Institute",
    "MagneticFieldStrength": 3,
    "Manufacturer": "Siemens",
    "ManufacturersModelName": "Prisma",
    "NumberOfVolumesDiscardedByScanner": 3,
    "ParallelReductionType": "GRAPPA",
    "PartialFourier": 0.75,
    "PhaseEncodingDirection": "j-",
    "PixelBandwidth": 1240,
    "PulseSequenceDetails": "%CustomerSeq%_ep2d_bold_sms_mgh_v22",
    "PulseSequenceType": "Gradient Echo EPI",
    "ReceiveCoilActiveElements": "HC1-7;NC1,2",
    "ReceiveCoilName": "HeadNeck_64",
    "RepetitionTime": 1.5,
    "ScanOptions": "PFP_FS",
    "ScanningSequence": "EP",
    "SequenceName": "epfSM2d1_96",
    "SequenceVariant": "SK",
    "SliceTiming": [
      0.6925,
      0,
      0.79,
      0.1,
      0.8875,
      0.1975,
      0.9875,
      0.2975,
      1.085,
      0.395,
      1.185,
      0.495,
      1.2825,
      0.5925,
      1.3825,
      0.6925,
      0,
      0.79,
      0.1,
      0.8875,
      0.1975,
      0.9875,
      0.2975,
      1.085,
      0.395,
      1.185,
      0.495,
      1.2825,
      0.5925,
      1.3825,
      0.6925,
      0,
      0.79,
      0.1,
      0.8875,
      0.1975,
      0.9875,
      0.2975,
      1.085,
      0.395,
      1.185,
      0.495,
      1.2825,
      0.5925,
      1.3825,
      0.6925,
      0,
      0.79,
      0.1,
      0.8875,
      0.1975,
      0.9875,
      0.2975,
      1.085,
      0.395,
      1.185,
      0.495,
      1.2825,
      0.5925,
      1.3825
    ],
    "SoftwareVersions": "syngo_MR_D13D",
    "StationName": "AWP66018",
    "TaskDescription": "Passively listened to audio story 'shapesphysical'",
    "TaskName": "shapesphysical",
    "TotalReadoutTime": 0.0883478,
    "dataset": "ds002345",
    "modality": "bold",
    "subject_id": "127",
    "task_id": "shapesphysical"
  },
  "dummy_trs": 0,
  "dvars_nstd": 32.94432214290321,
  "dvars_std": 1.1244787389354847,
  "dvars_vstd": 0.9921365557096771,
  "efc": 0.5685495449317295,
  "fber": 320.73675537109375,
  "fd_mean": 0.0891501716647018,
  "fd_num": 25,
  "fd_perc": 8.038585209003216,
  "fwhm_avg": 2.836211666666667,
  "fwhm_x": 2.65682,
  "fwhm_y": 3.003065,
  "fwhm_z": 2.84875,
  "gcor": 0.0512973,
  "gsr_x": -0.014545246958732605,
  "gsr_y": 0.05997754633426666,
  "provenance": {
    "md5sum": "5e0939ffe0b21e8e4e7ba4d908a43552",
    "settings": {
      "fd_thres": 0.2,
      "testing": false
    },
    "software": "mriqc",
    "version": "22.0.0rc1",
    "webapi_port": null,
    "webapi_url": "https://mriqc.nimh.nih.gov/api/v1"
  },
  "size_t": 311,
  "size_x": 96,
  "size_y": 96,
  "size_z": 60,
  "snr": 2.416596066300774,
  "spacing_tr": 1.5,
  "spacing_x": 2.0,
  "spacing_y": 2.0,
  "spacing_z": 2.0,
  "summary_bg_k": 170.08539282977517,
  "summary_bg_mad": 5.2582314689725465,
  "summary_bg_mean": 40.2717399597168,
  "summary_bg_median": 25.54983901977539,
  "summary_bg_n": 334126.0,
  "summary_bg_p05": 20.90996742248535,
  "summary_bg_p95": 103.89549446105957,
  "summary_bg_stdv": 53.885231018066406,
  "summary_fg_k": 2.7846773517111467,
  "summary_fg_mad": 165.09799154664572,
  "summary_fg_mean": 508.4945983886719,
  "summary_fg_median": 471.4790954589844,
  "summary_fg_n": 132575.0,
  "summary_fg_p05": 268.5520782470703,
  "summary_fg_p95": 879.9109252929687,
  "summary_fg_stdv": 195.09976196289062,
  "tsnr": 39.173496403265744
}