{
  "aor": 0.003348983050847457,
  "aqi": 0.006599743457627119,
  "bids_meta": {
    "CogAtlasID": "https://www.cognitiveatlas.org/task/id/trm_4c8991fadfe01",
    "DeviceSerialNumber": "45031",
    "DwellTime": 5.4e-06,
    "EchoTime": 0.028,
    "EffectiveEchoSpacing": 0.000390001,
    "FlipAngle": 64,
    "InstitutionAddress": "Washington Rd, Princeton, NJ 08540, USA",
    "InstitutionName": "Princeton University",
    "InstitutionalDepartmentName": "Princeton Neuroscience Institute",
    "MagneticFieldStrength": 3,
    "Manufacturer": "Siemens",
    "ManufacturersModelName": "Skyra",
    "NumberOfVolumesDiscardedByScanner": 3,
    "ParallelReductionFactorInPlane": 2,
    "ParallelReductionType": "GRAPPA",
    "PartialFourier": 1,
    "PhaseEncodingDirection": "j-",
    "PixelBandwidth": 1445,
    "PulseSequenceDetails": "%SiemensSeq%_ep2d_bold",
    "PulseSequenceType": "Gradient Echo EPI",
    "ReceiveCoilActiveElements": "HE1-4",
    "ReceiveCoilName": "HeadNeck_20",
    "RepetitionTime": 1.52,
    "ScanOptions": "FS",
    "ScanningSequence": "EP",
    "SequenceName": "_epfid2d1_64",
    "SequenceVariant": "SK",
    "SliceTiming": [
      0,
      0.7775,
      0.0575,
      0.835,
      0.1125,
      0.89,
      0.1675,
      0.945,
      0.2225,
      1,
      0.2775,
      1.055,
      0.335,
      1.1125,
      0.39,
      1.1675,
      0.445,
      1.2225,
      0.5,
      1.2775,
      0.5575,
      1.335,
      0.6125,
      1.39,
      0.6675,
      1.445,
      0.7225
    ],
    "SoftwareVersions": "syngo_MR_E11",
    "StationName": "AWP45031",
    "TaskDescription": "Passively listened to audio story 'milkyway'",
    "TaskName": "milkyway",
    "TotalReadoutTime": 0.0245701,
    "dataset": "ds002345",
    "modality": "bold",
    "subject_id": "127",
    "task_id": "milkyway"
  },
  "dummy_trs": 2,
  "dvars_nstd": 18.64358634384354,
  "dvars_std": 1.130656962653061,
  "dvars_vstd": 1.0425284220068025,
  "efc": 0.5815249614180125,
  "fber": 2168.2841796875,
  "fd_mean": 0.09255050321718514,
  "fd_num": 25,
  "fd_perc": 8.474576271186441,
  "fwhm_avg": 1.6842894444444445,
  "fwhm_x": 1.60583,
  "fwhm_y": 1.9242733333333335,
  "fwhm_z": 1.522765,
  "gcor": 0.0422949,
  "gsr_x": -0.02268153242766857,
  "gsr_y": 0.06652744114398956,
  "provenance": {
    "md5sum": "cafb4677a32a0bdbc2c4e46c588d6c22",
    "settings": {
      "fd_thres": 0.2,
      "testing": false
    },
    "software": "mriqc",
    "version": "22.0.0rc1",
    "webapi_port": null,
    "webapi_url": "https://mriqc.nimh.nih.gov/api/v1"
  },
  "size_t": 295,
  "size_x": 64,
  "size_y": 64,
  "size_z": 27,
  "snr": 7.422287352178245,
  "spacing_tr": 1.5199999809265137,
  "spacing_x": 3.0,
  "spacing_y": 3.0,
  "spacing_z": 4.0,
  "summary_bg_k": 51.20172760472391,
  "summary_bg_mad": 9.167005291802408,
  "summary_bg_mean": 36.33613967895508,
  "summary_bg_median": 14.45423698425293,
  "summary_bg_n": 55705.0,
  "summary_bg_p05": 6.735593318939209,
  "summary_bg_p95": 131.02033691406243,
  "summary_bg_stdv": 69.70926666259766,
  "summary_fg_k": 3.6103317072428007,
  "summary_fg_mad": 82.24171144205513,
  "summary_fg_mean": 713.1727905273438,
  "summary_fg_median": 706.0813598632812,
  "summary_fg_n": 26689.0,
  "summary_fg_p05": 586.9708374023437,
  "summary_fg_p95": 865.2413330078123,
  "summary_fg_stdv": 95.12810516357422,
  "tsnr": 77.49907300248742
}