{
  "aor": 0.001978131212723658,
  "aqi": 0.012201890755467197,
  "bids_meta": {
    "CogAtlasID": "https://www.cognitiveatlas.org/task/id/trm_4c8991fadfe01",
    "DeviceSerialNumber": "66018",
    "DwellTime": 4.2e-06,
    "EchoTime": 0.039,
    "EffectiveEchoSpacing": 0.000929976,
    "FlipAngle": 50,
    "InstitutionAddress": "Washington Rd, Princeton, NJ 08540, USA",
    "InstitutionName": "Princeton University",
    "InstitutionalDepartmentName": "Princeton Neuroscience Institute",
    "MagneticFieldStrength": 3,
    "Manufacturer": "Siemens",
    "ManufacturersModelName": "Prisma",
    "NumberOfVolumesDiscardedByScanner": 3,
    "ParallelReductionType": "GRAPPA",
    "PartialFourier": 0.75,
    "PhaseEncodingDirection": "j-",
    "PixelBandwidth": 1240,
    "PulseSequenceDetails": "%CustomerSeq%_ep2d_bold_sms_mgh_v22",
    "PulseSequenceType": "Gradient Echo EPI",
    "ReceiveCoilActiveElements": "HC1-7;NC1,2",
    "ReceiveCoilName": "HeadNeck_64",
    "RepetitionTime": 1.5,
    "ScanOptions": "PFP_FS",
    "ScanningSequence": "EP",
    "SequenceName": "epfSM2d1_96",
    "SequenceVariant": "SK",
    "SliceTiming": [
      0.6925,
      0,
      0.79,
      0.1,
      0.8875,
      0.1975,
      0.9875,
      0.2975,
      1.085,
      0.395,
      1.185,
      0.495,
      1.2825,
      0.5925,
      1.3825,
      0.6925,
      0,
      0.79,
      0.1,
      0.8875,
      0.1975,
      0.9875,
      0.2975,
      1.085,
      0.395,
      1.185,
      0.495,
      1.2825,
      0.5925,
      1.3825,
      0.6925,
      0,
      0.79,
      0.1,
      0.8875,
      0.1975,
      0.9875,
      0.2975,
      1.085,
      0.395,
      1.185,
      0.495,
      1.2825,
      0.5925,
      1.3825,
      0.6925,
      0,
      0.79,
      0.1,
      0.8875,
      0.1975,
      0.9875,
      0.2975,
      1.085,
      0.395,
      1.185,
      0.495,
      1.2825,
      0.5925,
      1.3825
    ],
    "SoftwareVersions": "syngo_MR_D13D",
    "StationName": "AWP66018",
    "TaskDescription": "Passively listened to audio story 'schema'",
    "TaskName": "schema",
    "TotalReadoutTime": 0.0883478,
    "dataset": "ds002345",
    "modality": "bold",
    "run_id": 3,
    "subject_id": "187",
    "task_id": "schema"
  },
  "dummy_trs": 1,
  "dvars_nstd": 44.23815500804781,
  "dvars_std": 1.0811145807171307,
  "dvars_vstd": 0.9864194403187253,
  "efc": 0.6142857329629763,
  "fber": 202.87799072265625,
  "fd_mean": 0.258651897693453,
  "fd_num": 301,
  "fd_perc": 59.84095427435388,
  "fwhm_avg": 2.9258500582135754,
  "fwhm_x": 2.653875,
  "fwhm_y": 3.19369,
  "fwhm_z": 2.9299851746407253,
  "gcor": 0.00716085,
  "gsr_x": 0.028452347964048386,
  "gsr_y": 0.0564272478222847,
  "provenance": {
    "md5sum": "1fa6ac838bbac1e2b3e650606245ce28",
    "settings": {
      "fd_thres": 0.2,
      "testing": false
    },
    "software": "mriqc",
    "version": "22.0.0rc1",
    "webapi_port": null,
    "webapi_url": "https://mriqc.nimh.nih.gov/api/v1"
  },
  "size_t": 503,
  "size_x": 96,
  "size_y": 96,
  "size_z": 60,
  "snr": 2.3829140738683336,
  "spacing_tr": 1.5,
  "spacing_x": 2.0,
  "spacing_y": 2.0,
  "spacing_z": 1.9999998807907104,
  "summary_bg_k": 53.13044938573119,
  "summary_bg_mad": 13.033929920617405,
  "summary_bg_mean": 56.1435432434082,
  "summary_bg_median": 30.954273223876953,
  "summary_bg_n": 313331.0,
  "summary_bg_p05": 20.230615615844727,
  "summary_bg_p95": 174.5447235107422,
  "summary_bg_stdv": 77.7933120727539,
  "summary_fg_k": 2.112235673604232,
  "summary_fg_mad": 173.94487553061236,
  "summary_fg_mean": 483.45220947265625,
  "summary_fg_median": 453.2445068359375,
  "summary_fg_n": 151611.0,
  "summary_fg_p05": 236.9671859741211,
  "summary_fg_p95": 832.8419189453125,
  "summary_fg_stdv": 190.20535278320312,
  "tsnr": 30.440631726989523
}