{
  "aor": 0.0017561666666666667,
  "aqi": 0.007891901599999999,
  "bids_meta": {
    "CogAtlasID": "https://www.cognitiveatlas.org/task/id/trm_4c8991fadfe01",
    "DeviceSerialNumber": "45031",
    "DwellTime": 5.4e-06,
    "EchoTime": 0.028,
    "EffectiveEchoSpacing": 0.000390001,
    "FlipAngle": 64,
    "InstitutionAddress": "Washington Rd, Princeton, NJ 08540, USA",
    "InstitutionName": "Princeton University",
    "InstitutionalDepartmentName": "Princeton Neuroscience Institute",
    "MagneticFieldStrength": 3,
    "Manufacturer": "Siemens",
    "ManufacturersModelName": "Skyra",
    "NumberOfVolumesDiscardedByScanner": 3,
    "ParallelReductionFactorInPlane": 2,
    "ParallelReductionType": "GRAPPA",
    "PartialFourier": 1,
    "PhaseEncodingDirection": "j-",
    "PixelBandwidth": 1445,
    "PulseSequenceDetails": "%SiemensSeq%_ep2d_bold",
    "PulseSequenceType": "Gradient Echo EPI",
    "ReceiveCoilActiveElements": "HE1-4",
    "ReceiveCoilName": "HeadNeck_20",
    "RepetitionTime": 1.5,
    "ScanOptions": "FS",
    "ScanningSequence": "EP",
    "SequenceName": "_epfid2d1_64",
    "SequenceVariant": "SK",
    "SliceTiming": [
      0,
      0.7775,
      0.055,
      0.8325,
      0.11,
      0.89,
      0.1675,
      0.945,
      0.2225,
      1,
      0.2775,
      1.055,
      0.3325,
      1.11,
      0.39,
      1.1675,
      0.445,
      1.2225,
      0.5,
      1.2775,
      0.555,
      1.3325,
      0.61,
      1.3875,
      0.6675,
      1.445,
      0.7225
    ],
    "SoftwareVersions": "syngo_MR_D11",
    "StationName": "AWP45031",
    "TaskDescription": "Passively listened to audio story 'pieman'",
    "TaskName": "pieman",
    "TotalReadoutTime": 0.0245701,
    "dataset": "ds002345",
    "modality": "bold",
    "subject_id": "029",
    "task_id": "pieman"
  },
  "dummy_trs": 0,
  "dvars_nstd": 24.747932063946486,
  "dvars_std": 1.278943708662208,
  "dvars_vstd": 1.0173688542140464,
  "efc": 0.6100391448653856,
  "fber": 1780.76708984375,
  "fd_mean": 0.1494786509837526,
  "fd_num": 52,
  "fd_perc": 17.333333333333332,
  "fwhm_avg": 1.8023380555555557,
  "fwhm_x": 1.7433500000000002,
  "fwhm_y": 1.9840666666666669,
  "fwhm_z": 1.6795975,
  "gcor": 0.0411328,
  "gsr_x": 0.00445934385061264,
  "gsr_y": 0.028408315032720566,
  "provenance": {
    "md5sum": "13f77cf8102acceea769457f22a46bd4",
    "settings": {
      "fd_thres": 0.2,
      "testing": false
    },
    "software": "mriqc",
    "version": "21.0.0rc2",
    "webapi_port": null,
    "webapi_url": "https://mriqc.nimh.nih.gov/api/v1"
  },
  "size_t": 300,
  "size_x": 64,
  "size_y": 64,
  "size_z": 27,
  "snr": 6.962504656184174,
  "spacing_tr": 1.5,
  "spacing_x": 3.0,
  "spacing_y": 3.0,
  "spacing_z": 4.0,
  "summary_bg_k": 9.491873685762844,
  "summary_bg_mad": 9.503479994393762,
  "summary_bg_mean": 46.3475341796875,
  "summary_bg_median": 14.83666706085205,
  "summary_bg_n": 53491.0,
  "summary_bg_p05": 6.766666889190674,
  "summary_bg_p95": 211.74000549316406,
  "summary_bg_stdv": 74.37274932861328,
  "summary_fg_k": 1.9829558993112189,
  "summary_fg_mad": 88.43965653794105,
  "summary_fg_mean": 668.0448608398438,
  "summary_fg_median": 659.4100341796875,
  "summary_fg_n": 28368.0,
  "summary_fg_p05": 536.860205078125,
  "summary_fg_p95": 828.7346862792967,
  "summary_fg_stdv": 94.70706939697266,
  "tsnr": 66.4284540922381
}