{
  "aor": 0.00032496666666666663,
  "aqi": 0.008144539466666666,
  "bids_meta": {
    "CogAtlasID": "https://www.cognitiveatlas.org/task/id/trm_4c8991fadfe01",
    "DeviceSerialNumber": "45031",
    "DwellTime": 5.4e-06,
    "EchoTime": 0.028,
    "EffectiveEchoSpacing": 0.000390001,
    "FlipAngle": 64,
    "InstitutionAddress": "Washington Rd, Princeton, NJ 08540, USA",
    "InstitutionName": "Princeton University",
    "InstitutionalDepartmentName": "Princeton Neuroscience Institute",
    "MagneticFieldStrength": 3,
    "Manufacturer": "Siemens",
    "ManufacturersModelName": "Skyra",
    "NumberOfVolumesDiscardedByScanner": 3,
    "ParallelReductionFactorInPlane": 2,
    "ParallelReductionType": "GRAPPA",
    "PartialFourier": 1,
    "PhaseEncodingDirection": "j-",
    "PixelBandwidth": 1445,
    "PulseSequenceDetails": "%SiemensSeq%_ep2d_bold",
    "PulseSequenceType": "Gradient Echo EPI",
    "ReceiveCoilActiveElements": "HE1-4",
    "ReceiveCoilName": "HeadNeck_20",
    "RepetitionTime": 1.5,
    "ScanOptions": "FS",
    "ScanningSequence": "EP",
    "SequenceName": "_epfid2d1_64",
    "SequenceVariant": "SK",
    "SliceTiming": [
      0,
      0.7775,
      0.055,
      0.8325,
      0.11,
      0.89,
      0.1675,
      0.945,
      0.2225,
      1,
      0.2775,
      1.055,
      0.3325,
      1.11,
      0.39,
      1.1675,
      0.445,
      1.2225,
      0.5,
      1.2775,
      0.555,
      1.3325,
      0.61,
      1.3875,
      0.6675,
      1.445,
      0.7225
    ],
    "SoftwareVersions": "syngo_MR_D11",
    "StationName": "AWP45031",
    "TaskDescription": "Passively listened to audio story 'pieman'",
    "TaskName": "pieman",
    "TotalReadoutTime": 0.0245701,
    "dataset": "ds002345",
    "modality": "bold",
    "subject_id": "045",
    "task_id": "pieman"
  },
  "dummy_trs": 0,
  "dvars_nstd": 20.946224796321065,
  "dvars_std": 1.1434573085618722,
  "dvars_vstd": 0.9446500497324413,
  "efc": 0.5816341314798504,
  "fber": 2113.264404296875,
  "fd_mean": 0.1335618333571834,
  "fd_num": 24,
  "fd_perc": 8.0,
  "fwhm_avg": 1.7852500000000002,
  "fwhm_x": 1.7836466666666666,
  "fwhm_y": 1.9251533333333333,
  "fwhm_z": 1.64695,
  "gcor": 0.0150404,
  "gsr_x": -0.0075457412749528885,
  "gsr_y": 0.017329197376966476,
  "provenance": {
    "md5sum": "646e14b7da068c26e2be07e4e40bb5e5",
    "settings": {
      "fd_thres": 0.2,
      "testing": false
    },
    "software": "mriqc",
    "version": "21.0.0rc2",
    "webapi_port": null,
    "webapi_url": "https://mriqc.nimh.nih.gov/api/v1"
  },
  "size_t": 300,
  "size_x": 64,
  "size_y": 64,
  "size_z": 27,
  "snr": 7.227610987479949,
  "spacing_tr": 1.5,
  "spacing_x": 3.0,
  "spacing_y": 3.0,
  "spacing_z": 4.0,
  "summary_bg_k": 24.28439728807831,
  "summary_bg_mad": 10.056985708692173,
  "summary_bg_mean": 35.1485710144043,
  "summary_bg_median": 15.416666984558105,
  "summary_bg_n": 54995.0,
  "summary_bg_p05": 6.713333606719971,
  "summary_bg_p95": 124.55767211914018,
  "summary_bg_stdv": 60.66828536987305,
  "summary_fg_k": 1.8961818927054015,
  "summary_fg_mad": 96.26535118866576,
  "summary_fg_mean": 750.3406372070312,
  "summary_fg_median": 742.6700439453125,
  "summary_fg_n": 27075.0,
  "summary_fg_p05": 604.9400024414062,
  "summary_fg_p95": 922.735693359375,
  "summary_fg_stdv": 102.75267028808594,
  "tsnr": 71.16877083666623
}