{
  "aor": 0.001570290322580645,
  "aqi": 0.00789181887096774,
  "bids_meta": {
    "CogAtlasID": "https://www.cognitiveatlas.org/task/id/trm_4c8991fadfe01",
    "DeviceSerialNumber": "66018",
    "DwellTime": 4.2e-06,
    "EchoTime": 0.039,
    "EffectiveEchoSpacing": 0.000929976,
    "FlipAngle": 50,
    "InstitutionAddress": "Washington Rd, Princeton, NJ 08540, USA",
    "InstitutionName": "Princeton University",
    "InstitutionalDepartmentName": "Princeton Neuroscience Institute",
    "MagneticFieldStrength": 3,
    "Manufacturer": "Siemens",
    "ManufacturersModelName": "Prisma",
    "NumberOfVolumesDiscardedByScanner": 3,
    "ParallelReductionType": "GRAPPA",
    "PartialFourier": 0.75,
    "PhaseEncodingDirection": "j-",
    "PixelBandwidth": 1240,
    "PulseSequenceDetails": "%CustomerSeq%_ep2d_bold_sms_mgh_v22",
    "PulseSequenceType": "Gradient Echo EPI",
    "ReceiveCoilActiveElements": "HC1-7;NC1,2",
    "ReceiveCoilName": "HeadNeck_64",
    "RepetitionTime": 1.5,
    "ScanOptions": "PFP_FS",
    "ScanningSequence": "EP",
    "SequenceName": "epfSM2d1_96",
    "SequenceVariant": "SK",
    "SliceTiming": [
      0.6925,
      0,
      0.79,
      0.1,
      0.8875,
      0.1975,
      0.9875,
      0.2975,
      1.085,
      0.395,
      1.185,
      0.495,
      1.2825,
      0.5925,
      1.3825,
      0.6925,
      0,
      0.79,
      0.1,
      0.8875,
      0.1975,
      0.9875,
      0.2975,
      1.085,
      0.395,
      1.185,
      0.495,
      1.2825,
      0.5925,
      1.3825,
      0.6925,
      0,
      0.79,
      0.1,
      0.8875,
      0.1975,
      0.9875,
      0.2975,
      1.085,
      0.395,
      1.185,
      0.495,
      1.2825,
      0.5925,
      1.3825,
      0.6925,
      0,
      0.79,
      0.1,
      0.8875,
      0.1975,
      0.9875,
      0.2975,
      1.085,
      0.395,
      1.185,
      0.495,
      1.2825,
      0.5925,
      1.3825
    ],
    "SoftwareVersions": "syngo_MR_D13D",
    "StationName": "AWP66018",
    "TaskDescription": "Passively listened to audio story 'shapesphysical'",
    "TaskName": "shapesphysical",
    "TotalReadoutTime": 0.0883478,
    "dataset": "ds002345",
    "modality": "bold",
    "subject_id": "217",
    "task_id": "shapesphysical"
  },
  "dummy_trs": 0,
  "dvars_nstd": 36.84810581650486,
  "dvars_std": 1.055732480453075,
  "dvars_vstd": 0.9874012571521038,
  "efc": 0.599104098209596,
  "fber": 255.3321533203125,
  "fd_mean": 0.15147458473282652,
  "fd_num": 55,
  "fd_perc": 17.741935483870968,
  "fwhm_avg": 2.768915,
  "fwhm_x": 2.472095,
  "fwhm_y": 3.03862,
  "fwhm_z": 2.79603,
  "gcor": 0.0147274,
  "gsr_x": 0.020428715273737907,
  "gsr_y": 0.04950171709060669,
  "provenance": {
    "md5sum": "daff6c336ac3f62455befc06a6967889",
    "settings": {
      "fd_thres": 0.2,
      "testing": false
    },
    "software": "mriqc",
    "version": "22.0.0rc1",
    "webapi_port": null,
    "webapi_url": "https://mriqc.nimh.nih.gov/api/v1"
  },
  "size_t": 310,
  "size_x": 96,
  "size_y": 96,
  "size_z": 60,
  "snr": 2.456237559951146,
  "spacing_tr": 1.5,
  "spacing_x": 2.0,
  "spacing_y": 2.0,
  "spacing_z": 2.0,
  "summary_bg_k": 92.81761170653765,
  "summary_bg_mad": 10.636476438451261,
  "summary_bg_mean": 45.17897415161133,
  "summary_bg_median": 28.73870849609375,
  "summary_bg_n": 312599.0,
  "summary_bg_p05": 19.75806427001953,
  "summary_bg_p95": 116.87128677368156,
  "summary_bg_stdv": 57.83877182006836,
  "summary_fg_k": 1.7314858686097052,
  "summary_fg_mad": 178.6344285134447,
  "summary_fg_mean": 505.767822265625,
  "summary_fg_median": 476.0935363769531,
  "summary_fg_n": 151833.0,
  "summary_fg_p05": 254.37612609863282,
  "summary_fg_p95": 859.6748168945312,
  "summary_fg_stdv": 193.82977294921875,
  "tsnr": 35.91522365564015
}