{
  "aor": 0.0010724838709677419,
  "aqi": 0.011364771032258065,
  "bids_meta": {
    "CogAtlasID": "https://www.cognitiveatlas.org/task/id/trm_4c8991fadfe01",
    "DeviceSerialNumber": "66018",
    "DwellTime": 4.2e-06,
    "EchoTime": 0.039,
    "EffectiveEchoSpacing": 0.000929976,
    "FlipAngle": 50,
    "InstitutionAddress": "Washington Rd, Princeton, NJ 08540, USA",
    "InstitutionName": "Princeton University",
    "InstitutionalDepartmentName": "Princeton Neuroscience Institute",
    "MagneticFieldStrength": 3,
    "Manufacturer": "Siemens",
    "ManufacturersModelName": "Prisma",
    "NumberOfVolumesDiscardedByScanner": 3,
    "ParallelReductionType": "GRAPPA",
    "PartialFourier": 0.75,
    "PhaseEncodingDirection": "j-",
    "PixelBandwidth": 1240,
    "PulseSequenceDetails": "%CustomerSeq%_ep2d_bold_sms_mgh_v22",
    "PulseSequenceType": "Gradient Echo EPI",
    "ReceiveCoilActiveElements": "HC1-7;NC1,2",
    "ReceiveCoilName": "HeadNeck_64",
    "RepetitionTime": 1.5,
    "ScanOptions": "PFP_FS",
    "ScanningSequence": "EP",
    "SequenceName": "epfSM2d1_96",
    "SequenceVariant": "SK",
    "SliceTiming": [
      0.6925,
      0,
      0.79,
      0.1,
      0.8875,
      0.1975,
      0.9875,
      0.2975,
      1.085,
      0.395,
      1.185,
      0.495,
      1.2825,
      0.5925,
      1.3825,
      0.6925,
      0,
      0.79,
      0.1,
      0.8875,
      0.1975,
      0.9875,
      0.2975,
      1.085,
      0.395,
      1.185,
      0.495,
      1.2825,
      0.5925,
      1.3825,
      0.6925,
      0,
      0.79,
      0.1,
      0.8875,
      0.1975,
      0.9875,
      0.2975,
      1.085,
      0.395,
      1.185,
      0.495,
      1.2825,
      0.5925,
      1.3825,
      0.6925,
      0,
      0.79,
      0.1,
      0.8875,
      0.1975,
      0.9875,
      0.2975,
      1.085,
      0.395,
      1.185,
      0.495,
      1.2825,
      0.5925,
      1.3825
    ],
    "SoftwareVersions": "syngo_MR_D13D",
    "StationName": "AWP66018",
    "TaskDescription": "Passively listened to audio story 'shapessocial'",
    "TaskName": "shapessocial",
    "TotalReadoutTime": 0.0883478,
    "dataset": "ds002345",
    "modality": "bold",
    "subject_id": "217",
    "task_id": "shapessocial"
  },
  "dummy_trs": 0,
  "dvars_nstd": 40.33735219122979,
  "dvars_std": 1.0428196979611652,
  "dvars_vstd": 0.9664719024919091,
  "efc": 0.5997628652156941,
  "fber": 253.26345825195312,
  "fd_mean": 0.21149182471829392,
  "fd_num": 122,
  "fd_perc": 39.354838709677416,
  "fwhm_avg": 2.8014116666666666,
  "fwhm_x": 2.50067,
  "fwhm_y": 3.0729,
  "fwhm_z": 2.830665,
  "gcor": 0.0164486,
  "gsr_x": 0.020439188927412033,
  "gsr_y": 0.04834308847784996,
  "provenance": {
    "md5sum": "0f81d2d7bf280946e513bdcc00075037",
    "settings": {
      "fd_thres": 0.2,
      "testing": false
    },
    "software": "mriqc",
    "version": "22.0.0rc1",
    "webapi_port": null,
    "webapi_url": "https://mriqc.nimh.nih.gov/api/v1"
  },
  "size_t": 310,
  "size_x": 96,
  "size_y": 96,
  "size_z": 60,
  "snr": 2.452044272090757,
  "spacing_tr": 1.5,
  "spacing_x": 2.0,
  "spacing_y": 2.0,
  "spacing_z": 2.0,
  "summary_bg_k": 94.03665772278788,
  "summary_bg_mad": 10.708213066180774,
  "summary_bg_mean": 44.98625946044922,
  "summary_bg_median": 28.809677124023438,
  "summary_bg_n": 312295.0,
  "summary_bg_p05": 19.80645179748535,
  "summary_bg_p95": 115.04193115234375,
  "summary_bg_stdv": 56.9242057800293,
  "summary_fg_k": 1.6362646472184252,
  "summary_fg_mad": 177.47227704605498,
  "summary_fg_mean": 501.63232421875,
  "summary_fg_median": 473.14031982421875,
  "summary_fg_n": 152808.0,
  "summary_fg_p05": 249.15273818969726,
  "summary_fg_p95": 852.8472564697265,
  "summary_fg_stdv": 192.9568634033203,
  "tsnr": 30.662183719221503
}