{
  "aor": 0.0004796370967741935,
  "aqi": 0.003454325,
  "bids_meta": {
    "CogAtlasID": "https://www.cognitiveatlas.org/task/id/trm_4c8991fadfe01",
    "DeviceSerialNumber": "66018",
    "DwellTime": 4.2e-06,
    "EchoTime": 0.039,
    "EffectiveEchoSpacing": 0.000929976,
    "FlipAngle": 50,
    "InstitutionAddress": "Washington Rd, Princeton, NJ 08540, USA",
    "InstitutionName": "Princeton University",
    "InstitutionalDepartmentName": "Princeton Neuroscience Institute",
    "MagneticFieldStrength": 3,
    "Manufacturer": "Siemens",
    "ManufacturersModelName": "Prisma",
    "NumberOfVolumesDiscardedByScanner": 3,
    "ParallelReductionType": "GRAPPA",
    "PartialFourier": 0.75,
    "PhaseEncodingDirection": "j-",
    "PixelBandwidth": 1240,
    "PulseSequenceDetails": "%CustomerSeq%_ep2d_bold_sms_mgh_v22",
    "PulseSequenceType": "Gradient Echo EPI",
    "ReceiveCoilActiveElements": "HC1-7;NC1,2",
    "ReceiveCoilName": "HeadNeck_64",
    "RepetitionTime": 1.5,
    "ScanOptions": "PFP_FS",
    "ScanningSequence": "EP",
    "SequenceName": "epfSM2d1_96",
    "SequenceVariant": "SK",
    "SliceTiming": [
      0.6925,
      0,
      0.79,
      0.1,
      0.8875,
      0.1975,
      0.9875,
      0.2975,
      1.085,
      0.395,
      1.185,
      0.495,
      1.2825,
      0.5925,
      1.3825,
      0.6925,
      0,
      0.79,
      0.1,
      0.8875,
      0.1975,
      0.9875,
      0.2975,
      1.085,
      0.395,
      1.185,
      0.495,
      1.2825,
      0.5925,
      1.3825,
      0.6925,
      0,
      0.79,
      0.1,
      0.8875,
      0.1975,
      0.9875,
      0.2975,
      1.085,
      0.395,
      1.185,
      0.495,
      1.2825,
      0.5925,
      1.3825,
      0.6925,
      0,
      0.79,
      0.1,
      0.8875,
      0.1975,
      0.9875,
      0.2975,
      1.085,
      0.395,
      1.185,
      0.495,
      1.2825,
      0.5925,
      1.3825
    ],
    "SoftwareVersions": "syngo_MR_D13D",
    "StationName": "AWP66018",
    "TaskDescription": "Passively listened to audio story 'schema'",
    "TaskName": "schema",
    "TotalReadoutTime": 0.0883478,
    "dataset": "ds002345",
    "modality": "bold",
    "run_id": 1,
    "subject_id": "075",
    "task_id": "schema"
  },
  "dummy_trs": 0,
  "dvars_nstd": 29.80573349739395,
  "dvars_std": 1.1181253834141416,
  "dvars_vstd": 0.9852758807070716,
  "efc": 0.5544658551885128,
  "fber": 446.781494140625,
  "fd_mean": 0.10950432646841902,
  "fd_num": 2,
  "fd_perc": 0.4032258064516129,
  "fwhm_avg": 3.184003333333333,
  "fwhm_x": 3.03835,
  "fwhm_y": 3.28842,
  "fwhm_z": 3.22524,
  "gcor": 0.0149019,
  "gsr_x": -0.005588077008724213,
  "gsr_y": 0.05062747746706009,
  "provenance": {
    "md5sum": "ac509e6efba5b7249b113ae2e60b7875",
    "settings": {
      "fd_thres": 0.2,
      "testing": false
    },
    "software": "mriqc",
    "version": "21.0.0rc2",
    "webapi_port": null,
    "webapi_url": "https://mriqc.nimh.nih.gov/api/v1"
  },
  "size_t": 496,
  "size_x": 96,
  "size_y": 96,
  "size_z": 60,
  "snr": 2.001871659519074,
  "spacing_tr": 1.5,
  "spacing_x": 2.0,
  "spacing_y": 2.0,
  "spacing_z": 2.0,
  "summary_bg_k": 49.42335336026107,
  "summary_bg_mad": 8.943437729519953,
  "summary_bg_mean": 48.33580017089844,
  "summary_bg_median": 27.241933822631836,
  "summary_bg_n": 325743.0,
  "summary_bg_p05": 20.135080337524414,
  "summary_bg_p95": 148.29979553222634,
  "summary_bg_stdv": 61.17174530029297,
  "summary_fg_k": 3.522516137742034,
  "summary_fg_mad": 256.60974484768496,
  "summary_fg_mean": 655.0020751953125,
  "summary_fg_median": 594.5685424804688,
  "summary_fg_n": 142198.0,
  "summary_fg_p05": 306.8902069091797,
  "summary_fg_p95": 1217.8095275878902,
  "summary_fg_stdv": 297.0052795410156,
  "tsnr": 50.684921937063336
}