{
  "aor": 0.00029074255224544244,
  "aqi": 0.018705225638061363,
  "bids_meta": {
    "CogAtlasID": "https://www.cognitiveatlas.org/task/id/trm_4c8991fadfe01",
    "DeviceSerialNumber": "45031",
    "DwellTime": 4.9e-06,
    "EchoTime": 0.028,
    "EffectiveEchoSpacing": 0.000355001,
    "FlipAngle": 64,
    "InstitutionAddress": "Washington Rd, Princeton, NJ 08540, USA",
    "InstitutionName": "Princeton University",
    "InstitutionalDepartmentName": "Princeton Neuroscience Institute",
    "MagneticFieldStrength": 3,
    "Manufacturer": "Siemens",
    "ManufacturersModelName": "Skyra",
    "NumberOfVolumesDiscardedByScanner": 3,
    "ParallelReductionFactorInPlane": 2,
    "ParallelReductionType": "GRAPPA",
    "PartialFourier": 1,
    "PhaseEncodingDirection": "j-",
    "PixelBandwidth": 1595,
    "PulseSequenceDetails": "%SiemensSeq%_ep2d_bold",
    "PulseSequenceType": "Gradient Echo EPI",
    "ReceiveCoilActiveElements": "HE1-4",
    "ReceiveCoilName": "HeadNeck_20",
    "RepetitionTime": 1.5,
    "ScanOptions": "FS",
    "ScanningSequence": "EP",
    "SequenceName": "_epfid2d1_64",
    "SequenceVariant": "SK",
    "SliceTiming": [
      0,
      0.7675,
      0.055,
      0.8225,
      0.11,
      0.8775,
      0.165,
      0.9325,
      0.22,
      0.9875,
      0.275,
      1.0425,
      0.33,
      1.0975,
      0.385,
      1.1525,
      0.44,
      1.2075,
      0.495,
      1.2625,
      0.55,
      1.315,
      0.6025,
      1.37,
      0.6575,
      1.425,
      0.7125
    ],
    "SoftwareVersions": "syngo_MR_E11",
    "StationName": "AWP45031",
    "TaskDescription": "Passively listened to audio story '21styear'",
    "TaskName": "21styear",
    "TotalReadoutTime": 0.022365,
    "dataset": "ds002345",
    "modality": "bold",
    "subject_id": "075",
    "task_id": "21styear"
  },
  "dummy_trs": 0,
  "dvars_nstd": 20.754509667784667,
  "dvars_std": 1.0926031110587204,
  "dvars_vstd": 0.9327738459564069,
  "efc": 0.5818353406905222,
  "fber": 2232.075439453125,
  "fd_mean": 0.15997766522407988,
  "fd_num": 560,
  "fd_perc": 24.899955535793687,
  "fwhm_avg": 1.6748263888888888,
  "fwhm_x": 1.6484366666666668,
  "fwhm_y": 1.9371099999999999,
  "fwhm_z": 1.4389325,
  "gcor": 0.0160095,
  "gsr_x": -0.0031831900123506784,
  "gsr_y": 0.04242284595966339,
  "provenance": {
    "md5sum": "af53895e012d505465f8dcac98d317aa",
    "settings": {
      "fd_thres": 0.2,
      "testing": false
    },
    "software": "mriqc",
    "version": "21.0.0rc2",
    "webapi_port": null,
    "webapi_url": "https://mriqc.nimh.nih.gov/api/v1"
  },
  "size_t": 2249,
  "size_x": 64,
  "size_y": 64,
  "size_z": 27,
  "snr": 7.42642625898519,
  "spacing_tr": 1.5,
  "spacing_x": 3.0,
  "spacing_y": 3.0,
  "spacing_z": 4.0,
  "summary_bg_k": 24.17566124416176,
  "summary_bg_mad": 9.86072093499094,
  "summary_bg_mean": 36.863861083984375,
  "summary_bg_median": 14.849266052246094,
  "summary_bg_n": 55141.0,
  "summary_bg_p05": 6.536238193511963,
  "summary_bg_p95": 136.9137420654297,
  "summary_bg_stdv": 63.3945426940918,
  "summary_fg_k": 3.5597820173750616,
  "summary_fg_mad": 87.30078384378808,
  "summary_fg_mean": 730.9948120117188,
  "summary_fg_median": 723.1534423828125,
  "summary_fg_n": 26868.0,
  "summary_fg_p05": 600.3006225585938,
  "summary_fg_p95": 890.5732849121093,
  "summary_fg_stdv": 97.37388610839844,
  "tsnr": 51.170392067870125
}