{
  "aor": 0.0018277379310344829,
  "aqi": 0.018902987903448278,
  "bids_meta": {
    "CogAtlasID": "https://www.cognitiveatlas.org/task/id/trm_4c8991fadfe01",
    "DeviceSerialNumber": "45031",
    "DwellTime": 4.9e-06,
    "EchoTime": 0.028,
    "EffectiveEchoSpacing": 0.000355001,
    "FlipAngle": 64,
    "InstitutionAddress": "Washington Rd, Princeton, NJ 08540, USA",
    "InstitutionName": "Princeton University",
    "InstitutionalDepartmentName": "Princeton Neuroscience Institute",
    "MagneticFieldStrength": 3,
    "Manufacturer": "Siemens",
    "ManufacturersModelName": "Skyra",
    "NumberOfVolumesDiscardedByScanner": 3,
    "ParallelReductionFactorInPlane": 2,
    "ParallelReductionType": "GRAPPA",
    "PartialFourier": 1,
    "PhaseEncodingDirection": "j-",
    "PixelBandwidth": 1595,
    "PulseSequenceDetails": "%SiemensSeq%_ep2d_bold",
    "PulseSequenceType": "Gradient Echo EPI",
    "ReceiveCoilActiveElements": "HE1-4",
    "ReceiveCoilName": "HeadNeck_20",
    "RepetitionTime": 1.5,
    "ScanOptions": "FS",
    "ScanningSequence": "EP",
    "SequenceName": "_epfid2d1_64",
    "SequenceVariant": "SK",
    "SliceTiming": [
      0,
      0.7675,
      0.055,
      0.8225,
      0.1075,
      0.875,
      0.1625,
      0.93,
      0.2175,
      0.985,
      0.2725,
      1.04,
      0.3275,
      1.095,
      0.3825,
      1.15,
      0.4375,
      1.205,
      0.4925,
      1.26,
      0.5475,
      1.315,
      0.6025,
      1.37,
      0.6575,
      1.425,
      0.7125
    ],
    "SoftwareVersions": "syngo_MR_D13",
    "StationName": "AWP45031",
    "TaskDescription": "Passively listened to audio story 'sherlock'",
    "TaskName": "sherlock",
    "TotalReadoutTime": 0.022365,
    "dataset": "ds002345",
    "modality": "bold",
    "subject_id": "075",
    "task_id": "sherlock"
  },
  "dummy_trs": 0,
  "dvars_nstd": 26.21585034794202,
  "dvars_std": 1.2183880008425407,
  "dvars_vstd": 0.9828872029281766,
  "efc": 0.6095004377044226,
  "fber": 1510.4097900390625,
  "fd_mean": 0.20986725182010116,
  "fd_num": 259,
  "fd_perc": 35.724137931034484,
  "fwhm_avg": 1.7454269750297253,
  "fwhm_x": 1.71924,
  "fwhm_y": 1.9776333333333334,
  "fwhm_z": 1.5394075917558427,
  "gcor": 0.0265196,
  "gsr_x": -0.0002875263162422925,
  "gsr_y": 0.028875820338726044,
  "provenance": {
    "md5sum": "3f0852f65d0f2c156421e3046ae44c31",
    "settings": {
      "fd_thres": 0.2,
      "testing": false
    },
    "software": "mriqc",
    "version": "21.0.0rc2",
    "webapi_port": null,
    "webapi_url": "https://mriqc.nimh.nih.gov/api/v1"
  },
  "size_t": 725,
  "size_x": 64,
  "size_y": 64,
  "size_z": 27,
  "snr": 7.734734289504373,
  "spacing_tr": 1.5,
  "spacing_x": 3.0,
  "spacing_y": 3.0,
  "spacing_z": 3.999999761581421,
  "summary_bg_k": 17.310803602348535,
  "summary_bg_mad": 14.03871071623711,
  "summary_bg_mean": 49.106910705566406,
  "summary_bg_median": 18.85379409790039,
  "summary_bg_n": 53351.0,
  "summary_bg_p05": 7.832413911819458,
  "summary_bg_p95": 190.82276153564453,
  "summary_bg_stdv": 79.38078308105469,
  "summary_fg_k": 3.5524270595213077,
  "summary_fg_mad": 88.31197393721405,
  "summary_fg_mean": 770.3807373046875,
  "summary_fg_median": 765.8482666015625,
  "summary_fg_n": 28612.0,
  "summary_fg_p05": 633.8286224365235,
  "summary_fg_p95": 927.7721527099609,
  "summary_fg_stdv": 99.01243591308594,
  "tsnr": 52.178913167794235
}