{
  "aor": 0.002865788617886179,
  "aqi": 0.016753904276422767,
  "bids_meta": {
    "CogAtlasID": "https://www.cognitiveatlas.org/task/id/trm_4c8991fadfe01",
    "DeviceSerialNumber": "45031",
    "DwellTime": 4.9e-06,
    "EchoTime": 0.028,
    "EffectiveEchoSpacing": 0.000355001,
    "FlipAngle": 64,
    "InstitutionAddress": "Washington Rd, Princeton, NJ 08540, USA",
    "InstitutionName": "Princeton University",
    "InstitutionalDepartmentName": "Princeton Neuroscience Institute",
    "MagneticFieldStrength": 3,
    "Manufacturer": "Siemens",
    "ManufacturersModelName": "Skyra",
    "NumberOfVolumesDiscardedByScanner": 3,
    "ParallelReductionFactorInPlane": 2,
    "ParallelReductionType": "GRAPPA",
    "PartialFourier": 1,
    "PhaseEncodingDirection": "j-",
    "PixelBandwidth": 1595,
    "PulseSequenceDetails": "%SiemensSeq%_ep2d_bold",
    "PulseSequenceType": "Gradient Echo EPI",
    "ReceiveCoilActiveElements": "HE1-4",
    "ReceiveCoilName": "HeadNeck_20",
    "RepetitionTime": 1.5,
    "ScanOptions": "FS",
    "ScanningSequence": "EP",
    "SequenceName": "_epfid2d1_64",
    "SequenceVariant": "SK",
    "SliceTiming": [
      0,
      0.7675,
      0.055,
      0.8225,
      0.1075,
      0.875,
      0.1625,
      0.93,
      0.2175,
      0.985,
      0.2725,
      1.04,
      0.3275,
      1.095,
      0.3825,
      1.15,
      0.4375,
      1.205,
      0.4925,
      1.26,
      0.5475,
      1.315,
      0.6025,
      1.37,
      0.6575,
      1.425,
      0.7125
    ],
    "SoftwareVersions": "syngo_MR_D13",
    "StationName": "AWP45031",
    "TaskDescription": "Passively listened to audio story 'merlin'",
    "TaskName": "merlin",
    "TotalReadoutTime": 0.022365,
    "dataset": "ds002345",
    "modality": "bold",
    "subject_id": "075",
    "task_id": "merlin"
  },
  "dummy_trs": 0,
  "dvars_nstd": 26.022632791335493,
  "dvars_std": 1.2290936840553748,
  "dvars_vstd": 1.0010620894136815,
  "efc": 0.6097451379414665,
  "fber": 1513.66162109375,
  "fd_mean": 0.2342139841097032,
  "fd_num": 234,
  "fd_perc": 38.048780487804876,
  "fwhm_avg": 1.7399722526223809,
  "fwhm_x": 1.7122266666666668,
  "fwhm_y": 1.9776,
  "fwhm_z": 1.5300900912004762,
  "gcor": 0.0309984,
  "gsr_x": -0.0004848181561101228,
  "gsr_y": 0.02918856218457222,
  "provenance": {
    "md5sum": "8c648de8bcc029a1407536e9976b5a0e",
    "settings": {
      "fd_thres": 0.2,
      "testing": false
    },
    "software": "mriqc",
    "version": "21.0.0rc2",
    "webapi_port": null,
    "webapi_url": "https://mriqc.nimh.nih.gov/api/v1"
  },
  "size_t": 615,
  "size_x": 64,
  "size_y": 64,
  "size_z": 27,
  "snr": 7.692698999177642,
  "spacing_tr": 1.5,
  "spacing_x": 3.0,
  "spacing_y": 3.0,
  "spacing_z": 3.999999761581421,
  "summary_bg_k": 17.565748779624457,
  "summary_bg_mad": 14.25949851247344,
  "summary_bg_mean": 49.632591247558594,
  "summary_bg_median": 18.933332443237305,
  "summary_bg_n": 53342.0,
  "summary_bg_p05": 7.790243625640869,
  "summary_bg_p95": 193.86747589111275,
  "summary_bg_stdv": 80.46491241455078,
  "summary_fg_k": 3.6517643896196352,
  "summary_fg_mad": 89.22371457762866,
  "summary_fg_mean": 773.1198120117188,
  "summary_fg_median": 767.6910400390625,
  "summary_fg_n": 28609.0,
  "summary_fg_p05": 638.1690673828125,
  "summary_fg_p95": 933.3593139648436,
  "summary_fg_stdv": 99.79301452636719,
  "tsnr": 53.13450833968818
}