{
  "aor": 0.0005010515873015873,
  "aqi": 0.0029419288888888886,
  "bids_meta": {
    "CogAtlasID": "https://www.cognitiveatlas.org/task/id/trm_4c8991fadfe01",
    "DeviceSerialNumber": "66018",
    "DwellTime": 4.2e-06,
    "EchoTime": 0.039,
    "EffectiveEchoSpacing": 0.000929976,
    "FlipAngle": 50,
    "InstitutionAddress": "Washington Rd, Princeton, NJ 08540, USA",
    "InstitutionName": "Princeton University",
    "InstitutionalDepartmentName": "Princeton Neuroscience Institute",
    "MagneticFieldStrength": 3,
    "Manufacturer": "Siemens",
    "ManufacturersModelName": "Prisma",
    "NumberOfVolumesDiscardedByScanner": 3,
    "ParallelReductionType": "GRAPPA",
    "PartialFourier": 0.75,
    "PhaseEncodingDirection": "j-",
    "PixelBandwidth": 1240,
    "PulseSequenceDetails": "%CustomerSeq%_ep2d_bold_sms_mgh_v22",
    "PulseSequenceType": "Gradient Echo EPI",
    "ReceiveCoilActiveElements": "HC1-7;NC1,2",
    "ReceiveCoilName": "HeadNeck_64",
    "RepetitionTime": 1.5,
    "ScanOptions": "PFP_FS",
    "ScanningSequence": "EP",
    "SequenceName": "epfSM2d1_96",
    "SequenceVariant": "SK",
    "SliceTiming": [
      0.6925,
      0,
      0.79,
      0.1,
      0.8875,
      0.1975,
      0.9875,
      0.2975,
      1.085,
      0.395,
      1.185,
      0.495,
      1.2825,
      0.5925,
      1.3825,
      0.6925,
      0,
      0.79,
      0.1,
      0.8875,
      0.1975,
      0.9875,
      0.2975,
      1.085,
      0.395,
      1.185,
      0.495,
      1.2825,
      0.5925,
      1.3825,
      0.6925,
      0,
      0.79,
      0.1,
      0.8875,
      0.1975,
      0.9875,
      0.2975,
      1.085,
      0.395,
      1.185,
      0.495,
      1.2825,
      0.5925,
      1.3825,
      0.6925,
      0,
      0.79,
      0.1,
      0.8875,
      0.1975,
      0.9875,
      0.2975,
      1.085,
      0.395,
      1.185,
      0.495,
      1.2825,
      0.5925,
      1.3825
    ],
    "SoftwareVersions": "syngo_MR_D13D",
    "StationName": "AWP66018",
    "TaskDescription": "Passively listened to audio story 'schema'",
    "TaskName": "schema",
    "TotalReadoutTime": 0.0883478,
    "dataset": "ds002345",
    "modality": "bold",
    "run_id": 2,
    "subject_id": "075",
    "task_id": "schema"
  },
  "dummy_trs": 0,
  "dvars_nstd": 30.048670967634177,
  "dvars_std": 1.1395865729821073,
  "dvars_vstd": 0.9981875724453274,
  "efc": 0.5562576756227838,
  "fber": 429.9825134277344,
  "fd_mean": 0.10784970330053452,
  "fd_num": 9,
  "fd_perc": 1.7857142857142858,
  "fwhm_avg": 3.1911733333333334,
  "fwhm_x": 3.057475,
  "fwhm_y": 3.278825,
  "fwhm_z": 3.23722,
  "gcor": 0.0121738,
  "gsr_x": -0.008163591846823692,
  "gsr_y": 0.051887549459934235,
  "provenance": {
    "md5sum": "4f3443a3402855dc439550e4e3d88798",
    "settings": {
      "fd_thres": 0.2,
      "testing": false
    },
    "software": "mriqc",
    "version": "21.0.0rc2",
    "webapi_port": null,
    "webapi_url": "https://mriqc.nimh.nih.gov/api/v1"
  },
  "size_t": 504,
  "size_x": 96,
  "size_y": 96,
  "size_z": 60,
  "snr": 1.9988075019447442,
  "spacing_tr": 1.5,
  "spacing_x": 2.0,
  "spacing_y": 2.0,
  "spacing_z": 2.0,
  "summary_bg_k": 50.702696914426625,
  "summary_bg_mad": 8.804421148820536,
  "summary_bg_mean": 48.19889831542969,
  "summary_bg_median": 27.47222328186035,
  "summary_bg_n": 324555.0,
  "summary_bg_p05": 20.4682559967041,
  "summary_bg_p95": 148.33790588378903,
  "summary_bg_stdv": 59.990577697753906,
  "summary_fg_k": 3.3877052027954973,
  "summary_fg_mad": 254.66050389686256,
  "summary_fg_mean": 648.8910522460938,
  "summary_fg_median": 589.3532104492188,
  "summary_fg_n": 142953.0,
  "summary_fg_p05": 302.6361389160156,
  "summary_fg_p95": 1207.2679199218749,
  "summary_fg_stdv": 294.85137939453125,
  "tsnr": 53.09412531321868
}