{
  "bids_meta": {
    "DeviceSerialNumber": "45031",
    "DwellTime": 8.2e-06,
    "EchoTime": 0.00308,
    "FlipAngle": 9,
    "InstitutionAddress": "Washington Rd, Princeton, NJ 08540, USA",
    "InstitutionName": "Princeton University",
    "InstitutionalDepartmentName": "Princeton Neuroscience Institute",
    "InversionTime": 0.9,
    "MagneticFieldStrength": 3,
    "Manufacturer": "Siemens",
    "ManufacturersModelName": "Skyra",
    "ParallelReductionFactorInPlane": 2,
    "ParallelReductionType": "GRAPPA",
    "PartialFourier": 1,
    "PixelBandwidth": 240,
    "PulseSequenceDetails": "%SiemensSeq%_tfl",
    "PulseSequenceType": "MPRAGE",
    "ReceiveCoilActiveElements": "HE1-4",
    "ReceiveCoilName": "HeadNeck_20",
    "RepetitionTime": 2.3,
    "ScanOptions": "IR",
    "ScanningSequence": "GR_IR",
    "SequenceName": "_tfl3d1_16ns",
    "SequenceVariant": "SK_SP_MP",
    "SoftwareVersions": "syngo_MR_D11",
    "StationName": "AWP45031",
    "dataset": "ds002345",
    "modality": "T1w",
    "subject_id": "042"
  },
  "cjv": 0.43343744462930206,
  "cnr": 3.005271716526366,
  "efc": 0.6340289423705308,
  "fber": 1186.9769367889762,
  "fwhm_avg": 3.3768646363088597,
  "fwhm_x": 3.4255000907447624,
  "fwhm_y": 3.511470545454545,
  "fwhm_z": 3.193623272727273,
  "icvs_csf": 0.1680171201890084,
  "icvs_gm": 0.436887734930582,
  "icvs_wm": 0.3950951448804096,
  "inu_med": 1.3648381233215332,
  "inu_range": 0.5412387430667875,
  "provenance": {
    "md5sum": "1fbd39aca89f6fecde7df1c8b422dda0",
    "settings": {
      "testing": false
    },
    "software": "mriqc",
    "version": "21.0.0rc2",
    "warnings": {
      "large_rot_frame": true,
      "small_air_mask": false
    },
    "webapi_port": null,
    "webapi_url": "https://mriqc.nimh.nih.gov/api/v1"
  },
  "qi_1": 7.663229525766514e-06,
  "qi_2": 0.004952967583609884,
  "rpve_csf": 21.126714843690376,
  "rpve_gm": 9.332447727191989,
  "rpve_wm": 12.321905843995456,
  "size_x": 192,
  "size_y": 256,
  "size_z": 256,
  "snr_csf": 2.4803494667671075,
  "snr_gm": 9.632773937948777,
  "snr_total": 9.763767730258344,
  "snr_wm": 17.178179786059147,
  "snrd_csf": 20.899557191163908,
  "snrd_gm": 41.13629022485854,
  "snrd_total": 39.95419139788415,
  "snrd_wm": 57.82672677763001,
  "spacing_x": 0.8999999761581421,
  "spacing_y": 0.859375,
  "spacing_z": 0.859375,
  "summary_bg_k": 1023.0972414111184,
  "summary_bg_mad": 11.330034363320529,
  "summary_bg_mean": 18.16596097126436,
  "summary_bg_median": 15.413509383797646,
  "summary_bg_n": 2491538.0,
  "summary_bg_p05": 2.5257431343197823,
  "summary_bg_p95": 39.05187461525202,
  "summary_bg_stdv": 19.532706037090744,
  "summary_csf_k": 21.437622504923915,
  "summary_csf_mad": 150.84308461675042,
  "summary_csf_mean": 374.8078272030509,
  "summary_csf_median": 361.4403187856078,
  "summary_csf_n": 15249.0,
  "summary_csf_p05": 184.79372972995043,
  "summary_csf_p95": 582.073695965111,
  "summary_csf_stdv": 145.71675167330503,
  "summary_gm_k": 0.36757028806510084,
  "summary_gm_mad": 69.70851650653138,
  "summary_gm_mean": 711.877304170785,
  "summary_gm_median": 711.417649500072,
  "summary_gm_n": 39722.0,
  "summary_gm_p05": 589.926166607067,
  "summary_gm_p95": 834.2076234146953,
  "summary_gm_stdv": 73.85294195304516,
  "summary_wm_k": 0.3971938506255288,
  "summary_wm_mad": 55.40194769183004,
  "summary_wm_mean": 999.0262987668832,
  "summary_wm_median": 1000.0647559016943,
  "summary_wm_n": 375423.0,
  "summary_wm_p05": 901.3664857298136,
  "summary_wm_p95": 1092.8696254268289,
  "summary_wm_stdv": 58.21707750405146,
  "tpm_overlap_csf": 0.1762135773897171,
  "tpm_overlap_gm": 0.44107481837272644,
  "tpm_overlap_wm": 0.5040022730827332,
  "wm2max": 0.509500945440645
}