{
  "bids_meta": {
    "DeviceSerialNumber": "45031",
    "DwellTime": 8.2e-06,
    "EchoTime": 0.00308,
    "FlipAngle": 9,
    "InstitutionAddress": "Washington Rd, Princeton, NJ 08540, USA",
    "InstitutionName": "Princeton University",
    "InstitutionalDepartmentName": "Princeton Neuroscience Institute",
    "InversionTime": 0.9,
    "MagneticFieldStrength": 3,
    "Manufacturer": "Siemens",
    "ManufacturersModelName": "Skyra",
    "ParallelReductionFactorInPlane": 2,
    "ParallelReductionType": "GRAPPA",
    "PartialFourier": 1,
    "PixelBandwidth": 240,
    "PulseSequenceDetails": "%SiemensSeq%_tfl",
    "PulseSequenceType": "MPRAGE",
    "ReceiveCoilActiveElements": "HE1-4",
    "ReceiveCoilName": "HeadNeck_20",
    "RepetitionTime": 2.3,
    "ScanOptions": "IR",
    "ScanningSequence": "GR_IR",
    "SequenceName": "_tfl3d1_16ns",
    "SequenceVariant": "SK_SP_MP",
    "SoftwareVersions": "syngo_MR_D11",
    "StationName": "AWP45031",
    "dataset": "ds002345",
    "modality": "T1w",
    "subject_id": "062"
  },
  "cjv": 0.5052204307027222,
  "cnr": 2.6508644574761906,
  "efc": 0.6421679883466057,
  "fber": 681.7293659713275,
  "fwhm_avg": 3.09202619619638,
  "fwhm_x": 3.1534778613164125,
  "fwhm_y": 3.1917265454545456,
  "fwhm_z": 2.930874181818182,
  "icvs_csf": 0.1614928620977273,
  "icvs_gm": 0.4535944266920758,
  "icvs_wm": 0.3849127112101969,
  "inu_med": 1.3198282718658447,
  "inu_range": 0.5071582317352297,
  "provenance": {
    "md5sum": "a8feb759f3c1e4728d2eea3ef5835c8f",
    "settings": {
      "testing": false
    },
    "software": "mriqc",
    "version": "21.0.0rc2",
    "warnings": {
      "large_rot_frame": true,
      "small_air_mask": false
    },
    "webapi_port": null,
    "webapi_url": "https://mriqc.nimh.nih.gov/api/v1"
  },
  "qi_1": 0.00021190937243942843,
  "qi_2": 0.003158687276023784,
  "rpve_csf": 23.288757334587892,
  "rpve_gm": 9.544983530984675,
  "rpve_wm": 12.912668132068381,
  "size_x": 192,
  "size_y": 256,
  "size_z": 256,
  "snr_csf": 2.1365991439714174,
  "snr_gm": 9.071924841540923,
  "snr_total": 8.759757781920166,
  "snr_wm": 15.070749360248158,
  "snrd_csf": 19.1347687524815,
  "snrd_gm": 30.773089639500654,
  "snrd_total": 30.84777405160987,
  "snrd_wm": 42.63546376284746,
  "spacing_x": 0.8999999761581421,
  "spacing_y": 0.859375,
  "spacing_z": 0.859375,
  "summary_bg_k": 8.517258829884785,
  "summary_bg_mad": 15.367117175378054,
  "summary_bg_mean": 25.960917647105727,
  "summary_bg_median": 24.30656822025776,
  "summary_bg_n": 2793238.0,
  "summary_bg_p05": 3.430656775832176,
  "summary_bg_p95": 56.13138426840305,
  "summary_bg_stdv": 16.837796183333346,
  "summary_csf_k": 42.900218247712424,
  "summary_csf_mad": 133.86707004184967,
  "summary_csf_mean": 441.30904375364105,
  "summary_csf_median": 448.83209605515003,
  "summary_csf_n": 16955.0,
  "summary_csf_p05": 202.99269135296345,
  "summary_csf_p95": 622.9415770635009,
  "summary_csf_stdv": 210.06226701248022,
  "summary_gm_k": 0.0922280762772969,
  "summary_gm_mad": 77.48490068711752,
  "summary_gm_mean": 724.0873693768459,
  "summary_gm_median": 721.8247841745615,
  "summary_gm_n": 35641.0,
  "summary_gm_p05": 596.569315508008,
  "summary_gm_p95": 860.2919310629368,
  "summary_gm_stdv": 79.56576695522159,
  "summary_wm_k": 0.49845983295124885,
  "summary_wm_mad": 63.09175572708032,
  "summary_wm_mean": 998.6810947483015,
  "summary_wm_median": 1000.0729465037584,
  "summary_wm_n": 323066.0,
  "summary_wm_p05": 886.8612729012966,
  "summary_wm_p95": 1103.9415548443794,
  "summary_wm_stdv": 66.35843877519189,
  "tpm_overlap_csf": 0.1702413409948349,
  "tpm_overlap_gm": 0.4443969130516052,
  "tpm_overlap_wm": 0.49610427021980286,
  "wm2max": 0.44686094860447284
}