{
  "aor": 0.001134789644012945,
  "aqi": 0.003657060129449838,
  "bids_meta": {
    "CogAtlasID": "https://www.cognitiveatlas.org/task/id/trm_4c8991fadfe01",
    "DeviceSerialNumber": "66018",
    "DwellTime": 4.2e-06,
    "EchoTime": 0.039,
    "EffectiveEchoSpacing": 0.000929976,
    "FlipAngle": 50,
    "InstitutionAddress": "Washington Rd, Princeton, NJ 08540, USA",
    "InstitutionName": "Princeton University",
    "InstitutionalDepartmentName": "Princeton Neuroscience Institute",
    "MagneticFieldStrength": 3,
    "Manufacturer": "Siemens",
    "ManufacturersModelName": "Prisma",
    "NumberOfVolumesDiscardedByScanner": 3,
    "ParallelReductionType": "GRAPPA",
    "PartialFourier": 0.75,
    "PhaseEncodingDirection": "j-",
    "PixelBandwidth": 1240,
    "PulseSequenceDetails": "%CustomerSeq%_ep2d_bold_sms_mgh_v22",
    "PulseSequenceType": "Gradient Echo EPI",
    "ReceiveCoilActiveElements": "HC1-7;NC1,2",
    "ReceiveCoilName": "HeadNeck_64",
    "RepetitionTime": 1.5,
    "ScanOptions": "PFP_FS",
    "ScanningSequence": "EP",
    "SequenceName": "epfSM2d1_96",
    "SequenceVariant": "SK",
    "SliceTiming": [
      0.6925,
      0,
      0.79,
      0.1,
      0.8875,
      0.1975,
      0.9875,
      0.2975,
      1.085,
      0.395,
      1.185,
      0.495,
      1.2825,
      0.5925,
      1.3825,
      0.6925,
      0,
      0.79,
      0.1,
      0.8875,
      0.1975,
      0.9875,
      0.2975,
      1.085,
      0.395,
      1.185,
      0.495,
      1.2825,
      0.5925,
      1.3825,
      0.6925,
      0,
      0.79,
      0.1,
      0.8875,
      0.1975,
      0.9875,
      0.2975,
      1.085,
      0.395,
      1.185,
      0.495,
      1.2825,
      0.5925,
      1.3825,
      0.6925,
      0,
      0.79,
      0.1,
      0.8875,
      0.1975,
      0.9875,
      0.2975,
      1.085,
      0.395,
      1.185,
      0.495,
      1.2825,
      0.5925,
      1.3825
    ],
    "SoftwareVersions": "syngo_MR_D13D",
    "StationName": "AWP66018",
    "TaskDescription": "Passively listened to audio story 'shapessocial'",
    "TaskName": "shapessocial",
    "TotalReadoutTime": 0.0883478,
    "dataset": "ds002345",
    "modality": "bold",
    "subject_id": "234",
    "task_id": "shapessocial"
  },
  "dummy_trs": 1,
  "dvars_nstd": 41.300493958506515,
  "dvars_std": 1.3927476026948042,
  "dvars_vstd": 1.0055141383116883,
  "efc": 0.6020809643120056,
  "fber": 235.29820251464844,
  "fd_mean": 0.061355156354458984,
  "fd_num": 0,
  "fd_perc": 0.0,
  "fwhm_avg": 3.017063333333333,
  "fwhm_x": 2.76681,
  "fwhm_y": 3.15115,
  "fwhm_z": 3.13323,
  "gcor": 0.0107952,
  "gsr_x": 0.01866726018488407,
  "gsr_y": 0.04689038172364235,
  "provenance": {
    "md5sum": "e146f580c65c972015552a8762cbedab",
    "settings": {
      "fd_thres": 0.2,
      "testing": false
    },
    "software": "mriqc",
    "version": "22.0.0rc1",
    "webapi_port": null,
    "webapi_url": "https://mriqc.nimh.nih.gov/api/v1"
  },
  "size_t": 309,
  "size_x": 96,
  "size_y": 96,
  "size_z": 60,
  "snr": 1.8261255005661108,
  "spacing_tr": 1.5,
  "spacing_x": 2.0,
  "spacing_y": 2.0,
  "spacing_z": 2.0,
  "summary_bg_k": 24.95603953387079,
  "summary_bg_mad": 11.942386773070744,
  "summary_bg_mean": 55.35079574584961,
  "summary_bg_median": 30.64725112915039,
  "summary_bg_n": 291549.0,
  "summary_bg_p05": 20.802589416503906,
  "summary_bg_p95": 181.97994384765602,
  "summary_bg_stdv": 67.66275787353516,
  "summary_fg_k": 5.69885720315412,
  "summary_fg_mad": 212.71505023173512,
  "summary_fg_mean": 546.2128295898438,
  "summary_fg_median": 490.4401550292969,
  "summary_fg_n": 167814.0,
  "summary_fg_p05": 242.63414611816407,
  "summary_fg_p95": 1041.241766357422,
  "summary_fg_stdv": 268.5679016113281,
  "tsnr": 46.511278830934316
}