{
  "aor": 0.004634210526315788,
  "aqi": 0.01053635749473684,
  "bids_meta": {
    "CogAtlasID": "https://www.cognitiveatlas.org/task/id/trm_4c8991fadfe01",
    "DeviceSerialNumber": "45031",
    "DwellTime": 5.4e-06,
    "EchoTime": 0.028,
    "EffectiveEchoSpacing": 0.000390001,
    "FlipAngle": 64,
    "InstitutionAddress": "Washington Rd, Princeton, NJ 08540, USA",
    "InstitutionName": "Princeton University",
    "InstitutionalDepartmentName": "Princeton Neuroscience Institute",
    "MagneticFieldStrength": 3,
    "Manufacturer": "Siemens",
    "ManufacturersModelName": "Skyra",
    "NumberOfVolumesDiscardedByScanner": 3,
    "ParallelReductionFactorInPlane": 2,
    "ParallelReductionType": "GRAPPA",
    "PartialFourier": 1,
    "PhaseEncodingDirection": "j-",
    "PixelBandwidth": 1445,
    "PulseSequenceDetails": "%SiemensSeq%_ep2d_bold",
    "PulseSequenceType": "Gradient Echo EPI",
    "ReceiveCoilActiveElements": "HE1-4",
    "ReceiveCoilName": "HeadNeck_20",
    "RepetitionTime": 1.5,
    "ScanOptions": "FS",
    "ScanningSequence": "EP",
    "SequenceName": "_epfid2d1_64",
    "SequenceVariant": "SK",
    "SliceTiming": [
      0,
      0.7775,
      0.055,
      0.8325,
      0.11,
      0.8875,
      0.165,
      0.9425,
      0.22,
      0.9975,
      0.2775,
      1.055,
      0.3325,
      1.11,
      0.3875,
      1.165,
      0.4425,
      1.22,
      0.5,
      1.2775,
      0.555,
      1.3325,
      0.61,
      1.3875,
      0.665,
      1.4425,
      0.72
    ],
    "SoftwareVersions": "syngo_MR_D11",
    "StationName": "AWP45031",
    "TaskDescription": "Passively listened to audio story 'prettymouth'",
    "TaskName": "prettymouth",
    "TotalReadoutTime": 0.0245701,
    "dataset": "ds002345",
    "modality": "bold",
    "subject_id": "050",
    "task_id": "prettymouth"
  },
  "dummy_trs": 0,
  "dvars_nstd": 25.582023488059107,
  "dvars_std": 1.31042474078059,
  "dvars_vstd": 1.0398499796202532,
  "efc": 0.6636324160274532,
  "fber": 1066.1517333984375,
  "fd_mean": 0.16453477318942436,
  "fd_num": 78,
  "fd_perc": 16.42105263157895,
  "fwhm_avg": 1.818284722222222,
  "fwhm_x": 1.7576866666666666,
  "fwhm_y": 2.01445,
  "fwhm_z": 1.6827175,
  "gcor": 0.0330512,
  "gsr_x": -0.01176908053457737,
  "gsr_y": 0.04489758238196373,
  "provenance": {
    "md5sum": "a8d48483ba8ffea9968794080c8b0a26",
    "settings": {
      "fd_thres": 0.2,
      "testing": false
    },
    "software": "mriqc",
    "version": "21.0.0rc2",
    "webapi_port": null,
    "webapi_url": "https://mriqc.nimh.nih.gov/api/v1"
  },
  "size_t": 475,
  "size_x": 64,
  "size_y": 64,
  "size_z": 27,
  "snr": 6.524685716724609,
  "spacing_tr": 1.5,
  "spacing_x": 3.0,
  "spacing_y": 3.0,
  "spacing_z": 4.0,
  "summary_bg_k": 10.009637259052644,
  "summary_bg_mad": 17.179457520453102,
  "summary_bg_mean": 56.068702697753906,
  "summary_bg_median": 21.968420028686523,
  "summary_bg_n": 45707.0,
  "summary_bg_p05": 8.356420612335205,
  "summary_bg_p95": 222.43177490234373,
  "summary_bg_stdv": 79.99040985107422,
  "summary_fg_k": 2.1485782802586995,
  "summary_fg_mad": 109.53465914246252,
  "summary_fg_mean": 800.6129150390625,
  "summary_fg_median": 791.4083862304688,
  "summary_fg_n": 35713.0,
  "summary_fg_p05": 632.338916015625,
  "summary_fg_p95": 1006.4016357421875,
  "summary_fg_stdv": 121.29278564453125,
  "tsnr": 58.58198731765151
}