{
  "aor": 0.0015819000000000002,
  "aqi": 0.015381972966666666,
  "bids_meta": {
    "CogAtlasID": "https://www.cognitiveatlas.org/task/id/trm_4c8991fadfe01",
    "DeviceSerialNumber": "45031",
    "DwellTime": 5.4e-06,
    "EchoTime": 0.028,
    "EffectiveEchoSpacing": 0.000390001,
    "FlipAngle": 64,
    "InstitutionAddress": "Washington Rd, Princeton, NJ 08540, USA",
    "InstitutionName": "Princeton University",
    "InstitutionalDepartmentName": "Princeton Neuroscience Institute",
    "MagneticFieldStrength": 3,
    "Manufacturer": "Siemens",
    "ManufacturersModelName": "Skyra",
    "NumberOfVolumesDiscardedByScanner": 3,
    "ParallelReductionFactorInPlane": 2,
    "ParallelReductionType": "GRAPPA",
    "PartialFourier": 1,
    "PhaseEncodingDirection": "j-",
    "PixelBandwidth": 1445,
    "PulseSequenceDetails": "%SiemensSeq%_ep2d_bold",
    "PulseSequenceType": "Gradient Echo EPI",
    "ReceiveCoilActiveElements": "HE1-4",
    "ReceiveCoilName": "HeadNeck_20",
    "RepetitionTime": 1.5,
    "ScanOptions": "FS",
    "ScanningSequence": "EP",
    "SequenceName": "_epfid2d1_64",
    "SequenceVariant": "SK",
    "SliceTiming": [
      0,
      0.7775,
      0.055,
      0.8325,
      0.11,
      0.89,
      0.1675,
      0.945,
      0.2225,
      1,
      0.2775,
      1.055,
      0.3325,
      1.11,
      0.39,
      1.1675,
      0.445,
      1.2225,
      0.5,
      1.2775,
      0.555,
      1.3325,
      0.61,
      1.3875,
      0.6675,
      1.445,
      0.7225
    ],
    "SoftwareVersions": "syngo_MR_D11",
    "StationName": "AWP45031",
    "TaskDescription": "Passively listened to audio story 'pieman'",
    "TaskName": "pieman",
    "TotalReadoutTime": 0.0245701,
    "dataset": "ds002345",
    "modality": "bold",
    "subject_id": "017",
    "task_id": "pieman"
  },
  "dummy_trs": 0,
  "dvars_nstd": 24.46592152936455,
  "dvars_std": 1.183936897959866,
  "dvars_vstd": 0.9955661287625422,
  "efc": 0.6367258834270185,
  "fber": 1540.6832275390625,
  "fd_mean": 0.13950663161410629,
  "fd_num": 42,
  "fd_perc": 14.0,
  "fwhm_avg": 1.8139329896331244,
  "fwhm_x": 1.7148700000000001,
  "fwhm_y": 2.0679366666666668,
  "fwhm_z": 1.6589923022327064,
  "gcor": 0.0485486,
  "gsr_x": -0.02008506841957569,
  "gsr_y": 0.07463479787111282,
  "provenance": {
    "md5sum": "ccacb7cb67ffea602d9ca3be37d1da92",
    "settings": {
      "fd_thres": 0.2,
      "testing": false
    },
    "software": "mriqc",
    "version": "21.0.0rc2",
    "webapi_port": null,
    "webapi_url": "https://mriqc.nimh.nih.gov/api/v1"
  },
  "size_t": 300,
  "size_x": 64,
  "size_y": 64,
  "size_z": 27,
  "snr": 6.834260544197149,
  "spacing_tr": 1.5,
  "spacing_x": 3.0,
  "spacing_y": 3.0,
  "spacing_z": 4.000000476837158,
  "summary_bg_k": 24.042996873525556,
  "summary_bg_mad": 11.349321000682536,
  "summary_bg_mean": 51.20246505737305,
  "summary_bg_median": 16.59166717529297,
  "summary_bg_n": 49600.0,
  "summary_bg_p05": 7.423333644866943,
  "summary_bg_p95": 216.39417419433587,
  "summary_bg_stdv": 90.33585357666016,
  "summary_fg_k": 2.2965464916207567,
  "summary_fg_mad": 93.12966197506371,
  "summary_fg_mean": 700.3690795898438,
  "summary_fg_median": 691.1716918945312,
  "summary_fg_n": 31866.0,
  "summary_fg_p05": 560.9233551025391,
  "summary_fg_p95": 873.8791656494141,
  "summary_fg_stdv": 101.13176727294922,
  "tsnr": 55.57897923979908
}