{
  "aor": 0.0022696353935082263,
  "aqi": 0.021378787865718098,
  "bids_meta": {
    "CogAtlasID": "https://www.cognitiveatlas.org/task/id/trm_4c8991fadfe01",
    "DeviceSerialNumber": "45031",
    "DwellTime": 4.9e-06,
    "EchoTime": 0.028,
    "EffectiveEchoSpacing": 0.000355001,
    "FlipAngle": 64,
    "InstitutionAddress": "Washington Rd, Princeton, NJ 08540, USA",
    "InstitutionName": "Princeton University",
    "InstitutionalDepartmentName": "Princeton Neuroscience Institute",
    "MagneticFieldStrength": 3,
    "Manufacturer": "Siemens",
    "ManufacturersModelName": "Skyra",
    "NumberOfVolumesDiscardedByScanner": 3,
    "ParallelReductionFactorInPlane": 2,
    "ParallelReductionType": "GRAPPA",
    "PartialFourier": 1,
    "PhaseEncodingDirection": "j-",
    "PixelBandwidth": 1595,
    "PulseSequenceDetails": "%SiemensSeq%_ep2d_bold",
    "PulseSequenceType": "Gradient Echo EPI",
    "ReceiveCoilActiveElements": "HE1-4",
    "ReceiveCoilName": "HeadNeck_20",
    "RepetitionTime": 1.5,
    "ScanOptions": "FS",
    "ScanningSequence": "EP",
    "SequenceName": "_epfid2d1_64",
    "SequenceVariant": "SK",
    "SliceTiming": [
      0,
      0.7675,
      0.055,
      0.8225,
      0.11,
      0.8775,
      0.165,
      0.9325,
      0.22,
      0.9875,
      0.275,
      1.0425,
      0.33,
      1.0975,
      0.385,
      1.1525,
      0.44,
      1.2075,
      0.495,
      1.2625,
      0.55,
      1.315,
      0.6025,
      1.37,
      0.6575,
      1.425,
      0.7125
    ],
    "SoftwareVersions": "syngo_MR_E11",
    "StationName": "AWP45031",
    "TaskDescription": "Passively listened to audio story '21styear'",
    "TaskName": "21styear",
    "TotalReadoutTime": 0.022365,
    "dataset": "ds002345",
    "modality": "bold",
    "subject_id": "258",
    "task_id": "21styear"
  },
  "dummy_trs": 0,
  "dvars_nstd": 25.091342746930614,
  "dvars_std": 1.2829072391903913,
  "dvars_vstd": 0.9680874463745556,
  "efc": 0.6243588813668841,
  "fber": 1164.2347412109375,
  "fd_mean": 0.11910805870919196,
  "fd_num": 104,
  "fd_perc": 4.624277456647399,
  "fwhm_avg": 1.6500969444444447,
  "fwhm_x": 1.6056800000000002,
  "fwhm_y": 1.8259833333333333,
  "fwhm_z": 1.5186275,
  "gcor": 0.0170539,
  "gsr_x": -0.0031299625989049673,
  "gsr_y": 0.05603143200278282,
  "provenance": {
    "md5sum": "ff96d92c1397f787ec4444cf51b29474",
    "settings": {
      "fd_thres": 0.2,
      "testing": false
    },
    "software": "mriqc",
    "version": "22.0.0rc1",
    "webapi_port": null,
    "webapi_url": "https://mriqc.nimh.nih.gov/api/v1"
  },
  "size_t": 2249,
  "size_x": 64,
  "size_y": 64,
  "size_z": 27,
  "snr": 7.507191029624989,
  "spacing_tr": 1.5,
  "spacing_x": 3.0,
  "spacing_y": 3.0,
  "spacing_z": 4.0,
  "summary_bg_k": 14.248479579758811,
  "summary_bg_mad": 18.5493378221249,
  "summary_bg_mean": 55.82025909423828,
  "summary_bg_median": 20.716318130493164,
  "summary_bg_n": 52595.0,
  "summary_bg_p05": 6.350555658340454,
  "summary_bg_p95": 223.61965789794885,
  "summary_bg_stdv": 82.45388793945312,
  "summary_fg_k": 2.2622544085831935,
  "summary_fg_mad": 96.06066086772707,
  "summary_fg_mean": 743.9600830078125,
  "summary_fg_median": 737.7981567382812,
  "summary_fg_n": 29627.0,
  "summary_fg_p05": 609.4791748046875,
  "summary_fg_p95": 902.458703613281,
  "summary_fg_stdv": 98.2771987915039,
  "tsnr": 46.84441342309583
}