{
  "aor": 0.0032833608815426994,
  "aqi": 0.027773932231404955,
  "bids_meta": {
    "CogAtlasID": "https://www.cognitiveatlas.org/task/id/trm_4c8991fadfe01",
    "DeviceSerialNumber": "45031",
    "DwellTime": 4.9e-06,
    "EchoTime": 0.028,
    "EffectiveEchoSpacing": 0.000355001,
    "FlipAngle": 64,
    "InstitutionAddress": "Washington Rd, Princeton, NJ 08540, USA",
    "InstitutionName": "Princeton University",
    "InstitutionalDepartmentName": "Princeton Neuroscience Institute",
    "MagneticFieldStrength": 3,
    "Manufacturer": "Siemens",
    "ManufacturersModelName": "Skyra",
    "NumberOfVolumesDiscardedByScanner": 3,
    "ParallelReductionFactorInPlane": 2,
    "ParallelReductionType": "GRAPPA",
    "PartialFourier": 1,
    "PhaseEncodingDirection": "j-",
    "PixelBandwidth": 1595,
    "PulseSequenceDetails": "%SiemensSeq%_ep2d_bold",
    "PulseSequenceType": "Gradient Echo EPI",
    "ReceiveCoilActiveElements": "HE1-4",
    "ReceiveCoilName": "HeadNeck_20",
    "RepetitionTime": 1.5,
    "ScanOptions": "FS",
    "ScanningSequence": "EP",
    "SequenceName": "_epfid2d1_64",
    "SequenceVariant": "SK",
    "SliceTiming": [
      0,
      0.7675,
      0.055,
      0.8225,
      0.1075,
      0.875,
      0.1625,
      0.93,
      0.2175,
      0.985,
      0.2725,
      1.04,
      0.3275,
      1.095,
      0.3825,
      1.15,
      0.4375,
      1.205,
      0.4925,
      1.26,
      0.5475,
      1.315,
      0.6025,
      1.37,
      0.6575,
      1.425,
      0.7125
    ],
    "SoftwareVersions": "syngo_MR_D13",
    "StationName": "AWP45031",
    "TaskDescription": "Passively listened to audio story 'sherlock'",
    "TaskName": "sherlock",
    "TotalReadoutTime": 0.022365,
    "dataset": "ds002345",
    "modality": "bold",
    "subject_id": "158",
    "task_id": "sherlock"
  },
  "dummy_trs": 0,
  "dvars_nstd": 28.764313680786216,
  "dvars_std": 1.1762419049793096,
  "dvars_vstd": 0.9888936700689659,
  "efc": 0.6152764000033554,
  "fber": 1495.30126953125,
  "fd_mean": 0.3021906823641345,
  "fd_num": 450,
  "fd_perc": 61.98347107438016,
  "fwhm_avg": 1.7286475419151375,
  "fwhm_x": 1.582243459078746,
  "fwhm_y": 1.9780066666666667,
  "fwhm_z": 1.6256925,
  "gcor": 0.0364957,
  "gsr_x": -0.0053082481026649475,
  "gsr_y": 0.03925642743706703,
  "provenance": {
    "md5sum": "9ec383427199009473519bc36fec3c0e",
    "settings": {
      "fd_thres": 0.2,
      "testing": false
    },
    "software": "mriqc",
    "version": "22.0.0rc1",
    "webapi_port": null,
    "webapi_url": "https://mriqc.nimh.nih.gov/api/v1"
  },
  "size_t": 726,
  "size_x": 64,
  "size_y": 64,
  "size_z": 27,
  "snr": 7.560591318572529,
  "spacing_tr": 1.5,
  "spacing_x": 2.999999761581421,
  "spacing_y": 3.0,
  "spacing_z": 4.0,
  "summary_bg_k": 19.202552791588744,
  "summary_bg_mad": 12.195731483334583,
  "summary_bg_mean": 39.46317672729492,
  "summary_bg_median": 16.995868682861328,
  "summary_bg_n": 51439.0,
  "summary_bg_p05": 7.439256238937378,
  "summary_bg_p95": 149.1860900878906,
  "summary_bg_stdv": 61.9531364440918,
  "summary_fg_k": 2.0616628222922433,
  "summary_fg_mad": 91.00747037176822,
  "summary_fg_mean": 699.3980102539062,
  "summary_fg_median": 693.59228515625,
  "summary_fg_n": 30578.0,
  "summary_fg_p05": 571.803515625,
  "summary_fg_p95": 848.2035400390624,
  "summary_fg_stdv": 91.73633575439453,
  "tsnr": 42.19475475593936
}