{
  "bids_meta": {
    "DeviceSerialNumber": "45031",
    "DwellTime": 8.2e-06,
    "EchoTime": 0.00308,
    "FlipAngle": 9,
    "InstitutionAddress": "Washington Rd, Princeton, NJ 08540, USA",
    "InstitutionName": "Princeton University",
    "InstitutionalDepartmentName": "Princeton Neuroscience Institute",
    "InversionTime": 0.9,
    "MagneticFieldStrength": 3,
    "Manufacturer": "Siemens",
    "ManufacturersModelName": "Skyra",
    "ParallelReductionFactorInPlane": 2,
    "ParallelReductionType": "GRAPPA",
    "PartialFourier": 1,
    "PixelBandwidth": 240,
    "PulseSequenceDetails": "%SiemensSeq%_tfl",
    "PulseSequenceType": "MPRAGE",
    "ReceiveCoilActiveElements": "HE1-4",
    "ReceiveCoilName": "HeadNeck_20",
    "RepetitionTime": 2.3,
    "ScanOptions": "IR",
    "ScanningSequence": "GR_IR",
    "SequenceName": "_tfl3d1_16ns",
    "SequenceVariant": "SK_SP_MP",
    "SoftwareVersions": "syngo_MR_D11",
    "StationName": "AWP45031",
    "dataset": "ds002345",
    "modality": "T1w",
    "run_id": 1,
    "subject_id": "052"
  },
  "cjv": 0.42983603518914415,
  "cnr": 3.0729296904696626,
  "efc": 0.6154147208215726,
  "fber": 1264.42011064824,
  "fwhm_avg": 3.3941245877574455,
  "fwhm_x": 3.4154443087268813,
  "fwhm_y": 3.5738996363636364,
  "fwhm_z": 3.193029818181818,
  "icvs_csf": 0.17415061248486866,
  "icvs_gm": 0.4289014758311164,
  "icvs_wm": 0.39694791168401494,
  "inu_med": 1.501251459121704,
  "inu_range": 0.5353167057037354,
  "provenance": {
    "md5sum": "c11b75fb21890a438e13bbcf146f11d3",
    "settings": {
      "testing": false
    },
    "software": "mriqc",
    "version": "21.0.0rc2",
    "warnings": {
      "large_rot_frame": true,
      "small_air_mask": false
    },
    "webapi_port": null,
    "webapi_url": "https://mriqc.nimh.nih.gov/api/v1"
  },
  "qi_1": 5.145353182827186e-05,
  "qi_2": 0.003317681366088359,
  "rpve_csf": 22.369080999960506,
  "rpve_gm": 10.229387180058126,
  "rpve_wm": 13.305196155260928,
  "size_x": 192,
  "size_y": 256,
  "size_z": 256,
  "snr_csf": 1.8566892359065017,
  "snr_gm": 9.5132219236837,
  "snr_total": 9.727588977798604,
  "snr_wm": 17.81285577380561,
  "snrd_csf": 25.280058812449468,
  "snrd_gm": 41.72246219197529,
  "snrd_total": 41.92430987778898,
  "snrd_wm": 58.77040862894219,
  "spacing_x": 0.9000000357627869,
  "spacing_y": 0.859375,
  "spacing_z": 0.859375,
  "summary_bg_k": 1643.7492898638025,
  "summary_bg_mad": 11.147384928958648,
  "summary_bg_mean": 17.538327929166257,
  "summary_bg_median": 15.13041840493679,
  "summary_bg_n": 3033296.0,
  "summary_bg_p05": 2.506265625357628,
  "summary_bg_p95": 38.80070486664772,
  "summary_bg_stdv": 13.805256310151849,
  "summary_csf_k": 41.27287657970721,
  "summary_csf_mad": 128.67660380958438,
  "summary_csf_mean": 435.6259640247601,
  "summary_csf_median": 430.14944103360176,
  "summary_csf_n": 11998.0,
  "summary_csf_p05": 200.9514495946467,
  "summary_csf_p95": 619.3260834217072,
  "summary_csf_stdv": 231.66586333390325,
  "summary_gm_k": 0.33404886303471937,
  "summary_gm_mad": 70.60010455007144,
  "summary_gm_mean": 713.4470822749292,
  "summary_gm_median": 709.9229445457458,
  "summary_gm_n": 34297.0,
  "summary_gm_p05": 596.7696927934885,
  "summary_gm_p95": 843.9617431759834,
  "summary_gm_stdv": 74.62378156728903,
  "summary_wm_k": 0.33045221261715163,
  "summary_wm_mad": 54.085460210873435,
  "summary_wm_mean": 998.4656069312765,
  "summary_wm_median": 999.9999845176935,
  "summary_wm_n": 347387.0,
  "summary_wm_p05": 903.2766963094473,
  "summary_wm_p95": 1087.5336320996284,
  "summary_wm_stdv": 56.13914792204477,
  "tpm_overlap_csf": 0.16229985654354095,
  "tpm_overlap_gm": 0.4291594922542572,
  "tpm_overlap_wm": 0.4972100257873535,
  "wm2max": 0.494512553976678
}