{
  "aor": 0.004622275,
  "aqi": 0.013826669974999999,
  "bids_meta": {
    "CogAtlasID": "https://www.cognitiveatlas.org/task/id/trm_4c8991fadfe01",
    "DeviceSerialNumber": "45031",
    "DwellTime": 5.4e-06,
    "EchoTime": 0.028,
    "EffectiveEchoSpacing": 0.000390001,
    "FlipAngle": 64,
    "InstitutionAddress": "Washington Rd, Princeton, NJ 08540, USA",
    "InstitutionName": "Princeton University",
    "InstitutionalDepartmentName": "Princeton Neuroscience Institute",
    "MagneticFieldStrength": 3,
    "Manufacturer": "Siemens",
    "ManufacturersModelName": "Skyra",
    "NumberOfVolumesDiscardedByScanner": 3,
    "ParallelReductionFactorInPlane": 2,
    "ParallelReductionType": "GRAPPA",
    "PartialFourier": 1,
    "PhaseEncodingDirection": "j-",
    "PixelBandwidth": 1445,
    "PulseSequenceDetails": "%SiemensSeq%_ep2d_bold",
    "PulseSequenceType": "Gradient Echo EPI",
    "ReceiveCoilActiveElements": "HE1-4",
    "ReceiveCoilName": "HeadNeck_20",
    "RepetitionTime": 1.5,
    "ScanOptions": "FS",
    "ScanningSequence": "EP",
    "SequenceName": "_epfid2d1_64",
    "SequenceVariant": "SK",
    "SliceTiming": [
      0,
      0.7775,
      0.055,
      0.8325,
      0.11,
      0.8875,
      0.165,
      0.9425,
      0.2225,
      1,
      0.2775,
      1.055,
      0.3325,
      1.11,
      0.3875,
      1.165,
      0.445,
      1.2225,
      0.5,
      1.2775,
      0.555,
      1.3325,
      0.61,
      1.3875,
      0.665,
      1.4425,
      0.7225
    ],
    "SoftwareVersions": "syngo_MR_D11",
    "StationName": "AWP45031",
    "TaskDescription": "Passively listened to audio story 'notthefall'",
    "TaskName": "notthefall",
    "TotalReadoutTime": 0.0245701,
    "dataset": "ds002345",
    "modality": "bold",
    "subject_id": "143",
    "task_id": "notthefall"
  },
  "dummy_trs": 0,
  "dvars_nstd": 20.92462260994987,
  "dvars_std": 1.12678765293233,
  "dvars_vstd": 1.0151092899248126,
  "efc": 0.6222189711564973,
  "fber": 1281.8560791015625,
  "fd_mean": 0.17542228721267675,
  "fd_num": 84,
  "fd_perc": 21.0,
  "fwhm_avg": 1.785606388888889,
  "fwhm_x": 1.6972433333333334,
  "fwhm_y": 2.0958733333333335,
  "fwhm_z": 1.5637025,
  "gcor": 0.0334565,
  "gsr_x": -0.01223136018961668,
  "gsr_y": 0.07009880244731903,
  "provenance": {
    "md5sum": "319997342d9a6a78d4d2fa19a31dafe8",
    "settings": {
      "fd_thres": 0.2,
      "testing": false
    },
    "software": "mriqc",
    "version": "22.0.0rc1",
    "webapi_port": null,
    "webapi_url": "https://mriqc.nimh.nih.gov/api/v1"
  },
  "size_t": 400,
  "size_x": 64,
  "size_y": 64,
  "size_z": 27,
  "snr": 7.184133185340738,
  "spacing_tr": 1.5,
  "spacing_x": 3.0,
  "spacing_y": 3.0,
  "spacing_z": 4.0,
  "summary_bg_k": 12.020286525774365,
  "summary_bg_mad": 16.015810126066047,
  "summary_bg_mean": 59.120079040527344,
  "summary_bg_median": 19.74250030517578,
  "summary_bg_n": 53373.0,
  "summary_bg_p05": 7.307499885559082,
  "summary_bg_p95": 247.94199829101552,
  "summary_bg_stdv": 90.36658477783203,
  "summary_fg_k": 2.648798981445199,
  "summary_fg_mad": 97.96110462333897,
  "summary_fg_mean": 765.4756469726562,
  "summary_fg_median": 758.47998046875,
  "summary_fg_n": 28800.0,
  "summary_fg_p05": 617.5814605712891,
  "summary_fg_p95": 935.9869842529297,
  "summary_fg_stdv": 105.57527160644531,
  "tsnr": 55.780605734558776
}