{
  "aor": 0.0017073223140495865,
  "aqi": 0.011967404404958679,
  "bids_meta": {
    "CogAtlasID": "https://www.cognitiveatlas.org/task/id/trm_4c8991fadfe01",
    "DeviceSerialNumber": "45031",
    "DwellTime": 5.4e-06,
    "EchoTime": 0.028,
    "EffectiveEchoSpacing": 0.000390001,
    "FlipAngle": 64,
    "InstitutionAddress": "Washington Rd, Princeton, NJ 08540, USA",
    "InstitutionName": "Princeton University",
    "InstitutionalDepartmentName": "Princeton Neuroscience Institute",
    "MagneticFieldStrength": 3,
    "Manufacturer": "Siemens",
    "ManufacturersModelName": "Skyra",
    "NumberOfVolumesDiscardedByScanner": 3,
    "ParallelReductionFactorInPlane": 2,
    "ParallelReductionType": "GRAPPA",
    "PartialFourier": 1,
    "PhaseEncodingDirection": "j-",
    "PixelBandwidth": 1445,
    "PulseSequenceDetails": "%SiemensSeq%_ep2d_bold",
    "PulseSequenceType": "Gradient Echo EPI",
    "ReceiveCoilActiveElements": "HE1-4",
    "ReceiveCoilName": "HeadNeck_20",
    "RepetitionTime": 1.5,
    "ScanOptions": "FS",
    "ScanningSequence": "EP",
    "SequenceName": "_epfid2d1_64",
    "SequenceVariant": "SK",
    "SliceTiming": [
      0,
      0.7775,
      0.055,
      0.8325,
      0.11,
      0.8875,
      0.1675,
      0.945,
      0.2225,
      1,
      0.2775,
      1.055,
      0.3325,
      1.11,
      0.3875,
      1.165,
      0.445,
      1.2225,
      0.5,
      1.2775,
      0.555,
      1.3325,
      0.61,
      1.3875,
      0.6675,
      1.445,
      0.7225
    ],
    "SoftwareVersions": "syngo_MR_D11",
    "StationName": "AWP45031",
    "TaskDescription": "Passively listened to audio story 'slumlordreach'",
    "TaskName": "slumlordreach",
    "TotalReadoutTime": 0.0245701,
    "dataset": "ds002345",
    "modality": "bold",
    "subject_id": "143",
    "task_id": "slumlordreach"
  },
  "dummy_trs": 0,
  "dvars_nstd": 20.906066760488013,
  "dvars_std": 1.1294189724317616,
  "dvars_vstd": 0.9862893655252271,
  "efc": 0.6213993423077475,
  "fber": 1278.706298828125,
  "fd_mean": 0.16148281938274214,
  "fd_num": 311,
  "fd_perc": 25.702479338842974,
  "fwhm_avg": 1.7754122222222222,
  "fwhm_x": 1.6873066666666665,
  "fwhm_y": 2.07382,
  "fwhm_z": 1.56511,
  "gcor": 0.171546,
  "gsr_x": -0.014259736984968185,
  "gsr_y": 0.07175469398498535,
  "provenance": {
    "md5sum": "a9e9b544d167734e7c1bbd7a6cfa089d",
    "settings": {
      "fd_thres": 0.2,
      "testing": false
    },
    "software": "mriqc",
    "version": "22.0.0rc1",
    "webapi_port": null,
    "webapi_url": "https://mriqc.nimh.nih.gov/api/v1"
  },
  "size_t": 1210,
  "size_x": 64,
  "size_y": 64,
  "size_z": 27,
  "snr": 7.114852088023761,
  "spacing_tr": 1.5,
  "spacing_x": 3.0,
  "spacing_y": 3.0,
  "spacing_z": 4.0,
  "summary_bg_k": 13.215551543246953,
  "summary_bg_mad": 16.06601699917483,
  "summary_bg_mean": 59.322933197021484,
  "summary_bg_median": 20.03057861328125,
  "summary_bg_n": 53358.0,
  "summary_bg_p05": 7.575206756591797,
  "summary_bg_p95": 246.839332580566,
  "summary_bg_stdv": 91.12113952636719,
  "summary_fg_k": 2.446710965260496,
  "summary_fg_mad": 101.63055416322614,
  "summary_fg_mean": 777.9680786132812,
  "summary_fg_median": 770.695068359375,
  "summary_fg_n": 28823.0,
  "summary_fg_p05": 626.3618408203125,
  "summary_fg_p95": 953.3718811035155,
  "summary_fg_stdv": 108.32012939453125,
  "tsnr": 52.364389227703214
}