{
  "aor": 0.002313157894736842,
  "aqi": 0.01798541194331984,
  "bids_meta": {
    "CogAtlasID": "https://www.cognitiveatlas.org/task/id/trm_4c8991fadfe01",
    "DeviceSerialNumber": "66018",
    "DwellTime": 4.2e-06,
    "EchoTime": 0.039,
    "EffectiveEchoSpacing": 0.000929976,
    "FlipAngle": 50,
    "InstitutionAddress": "Washington Rd, Princeton, NJ 08540, USA",
    "InstitutionName": "Princeton University",
    "InstitutionalDepartmentName": "Princeton Neuroscience Institute",
    "MagneticFieldStrength": 3,
    "Manufacturer": "Siemens",
    "ManufacturersModelName": "Prisma",
    "NumberOfVolumesDiscardedByScanner": 3,
    "ParallelReductionType": "GRAPPA",
    "PartialFourier": 0.75,
    "PhaseEncodingDirection": "j-",
    "PixelBandwidth": 1240,
    "PulseSequenceDetails": "%CustomerSeq%_ep2d_bold_sms_mgh_v22",
    "PulseSequenceType": "Gradient Echo EPI",
    "ReceiveCoilActiveElements": "HC1-7;NC1,2",
    "ReceiveCoilName": "HeadNeck_64",
    "RepetitionTime": 1.5,
    "ScanOptions": "PFP_FS",
    "ScanningSequence": "EP",
    "SequenceName": "epfSM2d1_96",
    "SequenceVariant": "SK",
    "SliceTiming": [
      0.6925,
      0,
      0.79,
      0.1,
      0.8875,
      0.1975,
      0.9875,
      0.2975,
      1.085,
      0.395,
      1.185,
      0.495,
      1.2825,
      0.5925,
      1.3825,
      0.6925,
      0,
      0.79,
      0.1,
      0.8875,
      0.1975,
      0.9875,
      0.2975,
      1.085,
      0.395,
      1.185,
      0.495,
      1.2825,
      0.5925,
      1.3825,
      0.6925,
      0,
      0.79,
      0.1,
      0.8875,
      0.1975,
      0.9875,
      0.2975,
      1.085,
      0.395,
      1.185,
      0.495,
      1.2825,
      0.5925,
      1.3825,
      0.6925,
      0,
      0.79,
      0.1,
      0.8875,
      0.1975,
      0.9875,
      0.2975,
      1.085,
      0.395,
      1.185,
      0.495,
      1.2825,
      0.5925,
      1.3825
    ],
    "SoftwareVersions": "syngo_MR_D13D",
    "StationName": "AWP66018",
    "TaskDescription": "Passively listened to audio story 'schema'",
    "TaskName": "schema",
    "TotalReadoutTime": 0.0883478,
    "dataset": "ds002345",
    "modality": "bold",
    "run_id": 2,
    "subject_id": "191",
    "task_id": "schema"
  },
  "dummy_trs": 1,
  "dvars_nstd": 45.00025294614609,
  "dvars_std": 1.0752626499594327,
  "dvars_vstd": 0.9643003584381331,
  "efc": 0.6479831600397236,
  "fber": 137.97337341308594,
  "fd_mean": 0.19500442218899636,
  "fd_num": 129,
  "fd_perc": 26.11336032388664,
  "fwhm_avg": 3.071896666666666,
  "fwhm_x": 2.66044,
  "fwhm_y": 3.36995,
  "fwhm_z": 3.1853,
  "gcor": 0.0147598,
  "gsr_x": -0.006765882950276136,
  "gsr_y": 0.08663250505924225,
  "provenance": {
    "md5sum": "34dc52b7522e5c1fe643b490be287517",
    "settings": {
      "fd_thres": 0.2,
      "testing": false
    },
    "software": "mriqc",
    "version": "22.0.6",
    "webapi_port": null,
    "webapi_url": "https://mriqc.nimh.nih.gov/api/v1"
  },
  "size_t": 494,
  "size_x": 96,
  "size_y": 96,
  "size_z": 60,
  "snr": 2.1163701066971665,
  "spacing_tr": 1.5,
  "spacing_x": 2.0,
  "spacing_y": 2.0,
  "spacing_z": 2.0,
  "summary_bg_k": 16.241307103334357,
  "summary_bg_mad": 18.302935457378087,
  "summary_bg_mean": 80.3401107788086,
  "summary_bg_median": 38.426116943359375,
  "summary_bg_n": 292064.0,
  "summary_bg_p05": 22.898786544799805,
  "summary_bg_p95": 299.58615570068343,
  "summary_bg_stdv": 108.92960357666016,
  "summary_fg_k": 1.523069068113883,
  "summary_fg_mad": 202.58229115469203,
  "summary_fg_mean": 508.7027587890625,
  "summary_fg_median": 473.1376647949219,
  "summary_fg_n": 166607.0,
  "summary_fg_p05": 220.63482360839845,
  "summary_fg_p95": 924.420861816406,
  "summary_fg_stdv": 223.5602569580078,
  "tsnr": 25.886726893717423
}