{
  "aor": 0.0015900796812749005,
  "aqi": 0.01798433406374502,
  "bids_meta": {
    "CogAtlasID": "https://www.cognitiveatlas.org/task/id/trm_4c8991fadfe01",
    "DeviceSerialNumber": "66018",
    "DwellTime": 4.2e-06,
    "EchoTime": 0.039,
    "EffectiveEchoSpacing": 0.000929976,
    "FlipAngle": 50,
    "InstitutionAddress": "Washington Rd, Princeton, NJ 08540, USA",
    "InstitutionName": "Princeton University",
    "InstitutionalDepartmentName": "Princeton Neuroscience Institute",
    "MagneticFieldStrength": 3,
    "Manufacturer": "Siemens",
    "ManufacturersModelName": "Prisma",
    "NumberOfVolumesDiscardedByScanner": 3,
    "ParallelReductionType": "GRAPPA",
    "PartialFourier": 0.75,
    "PhaseEncodingDirection": "j-",
    "PixelBandwidth": 1240,
    "PulseSequenceDetails": "%CustomerSeq%_ep2d_bold_sms_mgh_v22",
    "PulseSequenceType": "Gradient Echo EPI",
    "ReceiveCoilActiveElements": "HC1-7;NC1,2",
    "ReceiveCoilName": "HeadNeck_64",
    "RepetitionTime": 1.5,
    "ScanOptions": "PFP_FS",
    "ScanningSequence": "EP",
    "SequenceName": "epfSM2d1_96",
    "SequenceVariant": "SK",
    "SliceTiming": [
      0.6925,
      0,
      0.79,
      0.1,
      0.8875,
      0.1975,
      0.9875,
      0.2975,
      1.085,
      0.395,
      1.185,
      0.495,
      1.2825,
      0.5925,
      1.3825,
      0.6925,
      0,
      0.79,
      0.1,
      0.8875,
      0.1975,
      0.9875,
      0.2975,
      1.085,
      0.395,
      1.185,
      0.495,
      1.2825,
      0.5925,
      1.3825,
      0.6925,
      0,
      0.79,
      0.1,
      0.8875,
      0.1975,
      0.9875,
      0.2975,
      1.085,
      0.395,
      1.185,
      0.495,
      1.2825,
      0.5925,
      1.3825,
      0.6925,
      0,
      0.79,
      0.1,
      0.8875,
      0.1975,
      0.9875,
      0.2975,
      1.085,
      0.395,
      1.185,
      0.495,
      1.2825,
      0.5925,
      1.3825
    ],
    "SoftwareVersions": "syngo_MR_D13D",
    "StationName": "AWP66018",
    "TaskDescription": "Passively listened to audio story 'schema'",
    "TaskName": "schema",
    "TotalReadoutTime": 0.0883478,
    "dataset": "ds002345",
    "modality": "bold",
    "run_id": 3,
    "subject_id": "191",
    "task_id": "schema"
  },
  "dummy_trs": 0,
  "dvars_nstd": 43.15694783820362,
  "dvars_std": 1.0890154405189616,
  "dvars_vstd": 0.9688429140319359,
  "efc": 0.6497751294488943,
  "fber": 135.13482666015625,
  "fd_mean": 0.19092565015288335,
  "fd_num": 128,
  "fd_perc": 25.49800796812749,
  "fwhm_avg": 3.0524833333333334,
  "fwhm_x": 2.64481,
  "fwhm_y": 3.36536,
  "fwhm_z": 3.14728,
  "gcor": 0.0174134,
  "gsr_x": -0.0037910270038992167,
  "gsr_y": 0.0871400237083435,
  "provenance": {
    "md5sum": "c7d24c43e855df632fb4d23715f2b6c1",
    "settings": {
      "fd_thres": 0.2,
      "testing": false
    },
    "software": "mriqc",
    "version": "22.0.6",
    "webapi_port": null,
    "webapi_url": "https://mriqc.nimh.nih.gov/api/v1"
  },
  "size_t": 502,
  "size_x": 96,
  "size_y": 96,
  "size_z": 60,
  "snr": 2.1400462694651683,
  "spacing_tr": 1.5,
  "spacing_x": 2.0,
  "spacing_y": 2.0,
  "spacing_z": 2.0,
  "summary_bg_k": 15.760599760549919,
  "summary_bg_mad": 17.41909993531867,
  "summary_bg_mean": 81.91985321044922,
  "summary_bg_median": 38.70518112182617,
  "summary_bg_n": 292681.0,
  "summary_bg_p05": 24.822710037231445,
  "summary_bg_p95": 305.2450256347656,
  "summary_bg_stdv": 110.27739715576172,
  "summary_fg_k": 1.4855944426912577,
  "summary_fg_mad": 202.1359902427249,
  "summary_fg_mean": 509.87310791015625,
  "summary_fg_median": 474.0657653808594,
  "summary_fg_n": 165399.0,
  "summary_fg_p05": 224.79661560058594,
  "summary_fg_p95": 922.2438415527345,
  "summary_fg_stdv": 221.52059936523438,
  "tsnr": 27.04900644882582
}