{
  "aor": 0.00061928716904277,
  "aqi": 0.010347584684317719,
  "bids_meta": {
    "CogAtlasID": "https://www.cognitiveatlas.org/task/id/trm_4c8991fadfe01",
    "DeviceSerialNumber": "66018",
    "DwellTime": 4.2e-06,
    "EchoTime": 0.039,
    "EffectiveEchoSpacing": 0.000929976,
    "FlipAngle": 50,
    "InstitutionAddress": "Washington Rd, Princeton, NJ 08540, USA",
    "InstitutionName": "Princeton University",
    "InstitutionalDepartmentName": "Princeton Neuroscience Institute",
    "MagneticFieldStrength": 3,
    "Manufacturer": "Siemens",
    "ManufacturersModelName": "Prisma",
    "NumberOfVolumesDiscardedByScanner": 3,
    "ParallelReductionType": "GRAPPA",
    "PartialFourier": 0.75,
    "PhaseEncodingDirection": "j-",
    "PixelBandwidth": 1240,
    "PulseSequenceDetails": "%CustomerSeq%_ep2d_bold_sms_mgh_v22",
    "PulseSequenceType": "Gradient Echo EPI",
    "ReceiveCoilActiveElements": "HC1-7;NC1,2",
    "ReceiveCoilName": "HeadNeck_64",
    "RepetitionTime": 1.5,
    "ScanOptions": "PFP_FS",
    "ScanningSequence": "EP",
    "SequenceName": "epfSM2d1_96",
    "SequenceVariant": "SK",
    "SliceTiming": [
      0.6925,
      0,
      0.79,
      0.1,
      0.8875,
      0.1975,
      0.9875,
      0.2975,
      1.085,
      0.395,
      1.185,
      0.495,
      1.2825,
      0.5925,
      1.3825,
      0.6925,
      0,
      0.79,
      0.1,
      0.8875,
      0.1975,
      0.9875,
      0.2975,
      1.085,
      0.395,
      1.185,
      0.495,
      1.2825,
      0.5925,
      1.3825,
      0.6925,
      0,
      0.79,
      0.1,
      0.8875,
      0.1975,
      0.9875,
      0.2975,
      1.085,
      0.395,
      1.185,
      0.495,
      1.2825,
      0.5925,
      1.3825,
      0.6925,
      0,
      0.79,
      0.1,
      0.8875,
      0.1975,
      0.9875,
      0.2975,
      1.085,
      0.395,
      1.185,
      0.495,
      1.2825,
      0.5925,
      1.3825
    ],
    "SoftwareVersions": "syngo_MR_D13D",
    "StationName": "AWP66018",
    "TaskDescription": "Passively listened to audio story 'schema'",
    "TaskName": "schema",
    "TotalReadoutTime": 0.0883478,
    "dataset": "ds002345",
    "modality": "bold",
    "run_id": 1,
    "subject_id": "191",
    "task_id": "schema"
  },
  "dummy_trs": 1,
  "dvars_nstd": 42.782635778000014,
  "dvars_std": 1.13115312577551,
  "dvars_vstd": 0.9799239449795923,
  "efc": 0.6470808687310545,
  "fber": 142.47854614257812,
  "fd_mean": 0.15649042329982504,
  "fd_num": 68,
  "fd_perc": 13.84928716904277,
  "fwhm_avg": 3.018311666666667,
  "fwhm_x": 2.632515,
  "fwhm_y": 3.306725,
  "fwhm_z": 3.115695,
  "gcor": 0.0127452,
  "gsr_x": -0.007763581816107035,
  "gsr_y": 0.08666370809078217,
  "provenance": {
    "md5sum": "d21029c8f28502cfbe0aed09c1449bc9",
    "settings": {
      "fd_thres": 0.2,
      "testing": false
    },
    "software": "mriqc",
    "version": "22.0.6",
    "webapi_port": null,
    "webapi_url": "https://mriqc.nimh.nih.gov/api/v1"
  },
  "size_t": 491,
  "size_x": 96,
  "size_y": 96,
  "size_z": 60,
  "snr": 2.131063951481672,
  "spacing_tr": 1.5,
  "spacing_x": 2.0,
  "spacing_y": 2.0,
  "spacing_z": 2.0,
  "summary_bg_k": 16.577744400031868,
  "summary_bg_mad": 16.791755094760436,
  "summary_bg_mean": 79.244384765625,
  "summary_bg_median": 37.71079635620117,
  "summary_bg_n": 292488.0,
  "summary_bg_p05": 24.24236297607422,
  "summary_bg_p95": 296.5301544189452,
  "summary_bg_stdv": 107.55937194824219,
  "summary_fg_k": 1.54454148501559,
  "summary_fg_mad": 201.96152386837926,
  "summary_fg_mean": 509.6709289550781,
  "summary_fg_median": 474.4959716796875,
  "summary_fg_n": 166336.0,
  "summary_fg_p05": 222.40785217285156,
  "summary_fg_p95": 923.2021942138672,
  "summary_fg_stdv": 222.6561737060547,
  "tsnr": 34.410129736410454
}