{
  "aor": 0.0013338953488372092,
  "aqi": 0.01400767277131783,
  "bids_meta": {
    "CogAtlasID": "https://www.cognitiveatlas.org/task/id/trm_4c8991fadfe01",
    "DeviceSerialNumber": "66018",
    "DwellTime": 4.2e-06,
    "EchoTime": 0.039,
    "EffectiveEchoSpacing": 0.000929976,
    "FlipAngle": 50,
    "InstitutionAddress": "Washington Rd, Princeton, NJ 08540, USA",
    "InstitutionName": "Princeton University",
    "InstitutionalDepartmentName": "Princeton Neuroscience Institute",
    "MagneticFieldStrength": 3,
    "Manufacturer": "Siemens",
    "ManufacturersModelName": "Prisma",
    "NumberOfVolumesDiscardedByScanner": 3,
    "ParallelReductionType": "GRAPPA",
    "PartialFourier": 0.75,
    "PhaseEncodingDirection": "j-",
    "PixelBandwidth": 1240,
    "PulseSequenceDetails": "%CustomerSeq%_ep2d_bold_sms_mgh_v22",
    "PulseSequenceType": "Gradient Echo EPI",
    "ReceiveCoilActiveElements": "HC1-7;NC1,2",
    "ReceiveCoilName": "HeadNeck_64",
    "RepetitionTime": 1.5,
    "ScanOptions": "PFP_FS",
    "ScanningSequence": "EP",
    "SequenceName": "epfSM2d1_96",
    "SequenceVariant": "SK",
    "SliceTiming": [
      0.6925,
      0,
      0.79,
      0.1,
      0.8875,
      0.1975,
      0.9875,
      0.2975,
      1.085,
      0.395,
      1.185,
      0.495,
      1.2825,
      0.5925,
      1.3825,
      0.6925,
      0,
      0.79,
      0.1,
      0.8875,
      0.1975,
      0.9875,
      0.2975,
      1.085,
      0.395,
      1.185,
      0.495,
      1.2825,
      0.5925,
      1.3825,
      0.6925,
      0,
      0.79,
      0.1,
      0.8875,
      0.1975,
      0.9875,
      0.2975,
      1.085,
      0.395,
      1.185,
      0.495,
      1.2825,
      0.5925,
      1.3825,
      0.6925,
      0,
      0.79,
      0.1,
      0.8875,
      0.1975,
      0.9875,
      0.2975,
      1.085,
      0.395,
      1.185,
      0.495,
      1.2825,
      0.5925,
      1.3825
    ],
    "SoftwareVersions": "syngo_MR_D13D",
    "StationName": "AWP66018",
    "TaskDescription": "Passively listened to audio story 'schema'",
    "TaskName": "schema",
    "TotalReadoutTime": 0.0883478,
    "dataset": "ds002345",
    "modality": "bold",
    "run_id": 4,
    "subject_id": "191",
    "task_id": "schema"
  },
  "dummy_trs": 0,
  "dvars_nstd": 43.526132083708696,
  "dvars_std": 1.1151385543689327,
  "dvars_vstd": 0.9730493635145641,
  "efc": 0.6525724311389678,
  "fber": 127.48121643066406,
  "fd_mean": 0.164166962890457,
  "fd_num": 89,
  "fd_perc": 17.248062015503876,
  "fwhm_avg": 3.0798783333333333,
  "fwhm_x": 2.674985,
  "fwhm_y": 3.382325,
  "fwhm_z": 3.182325,
  "gcor": 0.0137172,
  "gsr_x": -0.006105522625148296,
  "gsr_y": 0.07902290672063828,
  "provenance": {
    "md5sum": "3d5e6c57ea91e6b9daaa182aa103dcc6",
    "settings": {
      "fd_thres": 0.2,
      "testing": false
    },
    "software": "mriqc",
    "version": "22.0.6",
    "webapi_port": null,
    "webapi_url": "https://mriqc.nimh.nih.gov/api/v1"
  },
  "size_t": 516,
  "size_x": 96,
  "size_y": 96,
  "size_z": 60,
  "snr": 2.1011125885171027,
  "spacing_tr": 1.5,
  "spacing_x": 2.0,
  "spacing_y": 2.0,
  "spacing_z": 2.0,
  "summary_bg_k": 15.67677974404026,
  "summary_bg_mad": 18.141765583489104,
  "summary_bg_mean": 84.2572250366211,
  "summary_bg_median": 40.0794563293457,
  "summary_bg_n": 290003.0,
  "summary_bg_p05": 25.11821746826172,
  "summary_bg_p95": 315.4300415039062,
  "summary_bg_stdv": 113.7838134765625,
  "summary_fg_k": 1.4922818445007993,
  "summary_fg_mad": 208.18204643335193,
  "summary_fg_mean": 513.4825439453125,
  "summary_fg_median": 477.02130126953125,
  "summary_fg_n": 168349.0,
  "summary_fg_p05": 220.23759765625,
  "summary_fg_p95": 934.2162963867191,
  "summary_fg_stdv": 227.03204345703125,
  "tsnr": 30.566068719141185
}