{
  "aor": 0.001383322580645161,
  "aqi": 0.011403202935483872,
  "bids_meta": {
    "CogAtlasID": "https://www.cognitiveatlas.org/task/id/trm_4c8991fadfe01",
    "DeviceSerialNumber": "66018",
    "DwellTime": 4.2e-06,
    "EchoTime": 0.039,
    "EffectiveEchoSpacing": 0.000929976,
    "FlipAngle": 50,
    "InstitutionAddress": "Washington Rd, Princeton, NJ 08540, USA",
    "InstitutionName": "Princeton University",
    "InstitutionalDepartmentName": "Princeton Neuroscience Institute",
    "MagneticFieldStrength": 3,
    "Manufacturer": "Siemens",
    "ManufacturersModelName": "Prisma",
    "NumberOfVolumesDiscardedByScanner": 3,
    "ParallelReductionType": "GRAPPA",
    "PartialFourier": 0.75,
    "PhaseEncodingDirection": "j-",
    "PixelBandwidth": 1240,
    "PulseSequenceDetails": "%CustomerSeq%_ep2d_bold_sms_mgh_v22",
    "PulseSequenceType": "Gradient Echo EPI",
    "ReceiveCoilActiveElements": "HC1-7;NC1,2",
    "ReceiveCoilName": "HeadNeck_64",
    "RepetitionTime": 1.5,
    "ScanOptions": "PFP_FS",
    "ScanningSequence": "EP",
    "SequenceName": "epfSM2d1_96",
    "SequenceVariant": "SK",
    "SliceTiming": [
      0.6925,
      0,
      0.79,
      0.1,
      0.8875,
      0.1975,
      0.9875,
      0.2975,
      1.085,
      0.395,
      1.185,
      0.495,
      1.2825,
      0.5925,
      1.3825,
      0.6925,
      0,
      0.79,
      0.1,
      0.8875,
      0.1975,
      0.9875,
      0.2975,
      1.085,
      0.395,
      1.185,
      0.495,
      1.2825,
      0.5925,
      1.3825,
      0.6925,
      0,
      0.79,
      0.1,
      0.8875,
      0.1975,
      0.9875,
      0.2975,
      1.085,
      0.395,
      1.185,
      0.495,
      1.2825,
      0.5925,
      1.3825,
      0.6925,
      0,
      0.79,
      0.1,
      0.8875,
      0.1975,
      0.9875,
      0.2975,
      1.085,
      0.395,
      1.185,
      0.495,
      1.2825,
      0.5925,
      1.3825
    ],
    "SoftwareVersions": "syngo_MR_D13D",
    "StationName": "AWP66018",
    "TaskDescription": "Passively listened to audio story 'shapesphysical'",
    "TaskName": "shapesphysical",
    "TotalReadoutTime": 0.0883478,
    "dataset": "ds002345",
    "modality": "bold",
    "subject_id": "191",
    "task_id": "shapesphysical"
  },
  "dummy_trs": 1,
  "dvars_nstd": 43.58872701922332,
  "dvars_std": 1.1139016350485431,
  "dvars_vstd": 0.9558102458576053,
  "efc": 0.6411595633960514,
  "fber": 164.7583770751953,
  "fd_mean": 0.166839771291417,
  "fd_num": 44,
  "fd_perc": 14.193548387096774,
  "fwhm_avg": 3.0115700000000003,
  "fwhm_x": 2.65066,
  "fwhm_y": 3.355965,
  "fwhm_z": 3.028085,
  "gcor": 0.0114368,
  "gsr_x": 0.00029737167642451823,
  "gsr_y": 0.06272841989994049,
  "provenance": {
    "md5sum": "4bde92de64900211db3dc2dd30e49214",
    "settings": {
      "fd_thres": 0.2,
      "testing": false
    },
    "software": "mriqc",
    "version": "22.0.6",
    "webapi_port": null,
    "webapi_url": "https://mriqc.nimh.nih.gov/api/v1"
  },
  "size_t": 310,
  "size_x": 96,
  "size_y": 96,
  "size_z": 60,
  "snr": 2.1842310632905546,
  "spacing_tr": 1.5,
  "spacing_x": 2.0,
  "spacing_y": 2.0,
  "spacing_z": 2.0,
  "summary_bg_k": 16.44085960806557,
  "summary_bg_mad": 17.346447087651267,
  "summary_bg_mean": 74.32284545898438,
  "summary_bg_median": 36.206451416015625,
  "summary_bg_n": 288239.0,
  "summary_bg_p05": 21.69999885559082,
  "summary_bg_p95": 272.8293548583976,
  "summary_bg_stdv": 97.54430389404297,
  "summary_fg_k": 2.0878971086199627,
  "summary_fg_mad": 209.22861845228056,
  "summary_fg_mean": 530.5079956054688,
  "summary_fg_median": 495.92901611328125,
  "summary_fg_n": 163901.0,
  "summary_fg_p05": 241.16773986816406,
  "summary_fg_p95": 944.061279296875,
  "summary_fg_stdv": 227.04901123046875,
  "tsnr": 30.027411808259785
}