{
  "aor": 0.0015621035598705503,
  "aqi": 0.007634191423948221,
  "bids_meta": {
    "CogAtlasID": "https://www.cognitiveatlas.org/task/id/trm_4c8991fadfe01",
    "DeviceSerialNumber": "66018",
    "DwellTime": 4.2e-06,
    "EchoTime": 0.039,
    "EffectiveEchoSpacing": 0.000929976,
    "FlipAngle": 50,
    "InstitutionAddress": "Washington Rd, Princeton, NJ 08540, USA",
    "InstitutionName": "Princeton University",
    "InstitutionalDepartmentName": "Princeton Neuroscience Institute",
    "MagneticFieldStrength": 3,
    "Manufacturer": "Siemens",
    "ManufacturersModelName": "Prisma",
    "NumberOfVolumesDiscardedByScanner": 3,
    "ParallelReductionType": "GRAPPA",
    "PartialFourier": 0.75,
    "PhaseEncodingDirection": "j-",
    "PixelBandwidth": 1240,
    "PulseSequenceDetails": "%CustomerSeq%_ep2d_bold_sms_mgh_v22",
    "PulseSequenceType": "Gradient Echo EPI",
    "ReceiveCoilActiveElements": "HC1-7;NC1,2",
    "ReceiveCoilName": "HeadNeck_64",
    "RepetitionTime": 1.5,
    "ScanOptions": "PFP_FS",
    "ScanningSequence": "EP",
    "SequenceName": "epfSM2d1_96",
    "SequenceVariant": "SK",
    "SliceTiming": [
      0.6925,
      0,
      0.79,
      0.1,
      0.8875,
      0.1975,
      0.9875,
      0.2975,
      1.085,
      0.395,
      1.185,
      0.495,
      1.2825,
      0.5925,
      1.3825,
      0.6925,
      0,
      0.79,
      0.1,
      0.8875,
      0.1975,
      0.9875,
      0.2975,
      1.085,
      0.395,
      1.185,
      0.495,
      1.2825,
      0.5925,
      1.3825,
      0.6925,
      0,
      0.79,
      0.1,
      0.8875,
      0.1975,
      0.9875,
      0.2975,
      1.085,
      0.395,
      1.185,
      0.495,
      1.2825,
      0.5925,
      1.3825,
      0.6925,
      0,
      0.79,
      0.1,
      0.8875,
      0.1975,
      0.9875,
      0.2975,
      1.085,
      0.395,
      1.185,
      0.495,
      1.2825,
      0.5925,
      1.3825
    ],
    "SoftwareVersions": "syngo_MR_D13D",
    "StationName": "AWP66018",
    "TaskDescription": "Passively listened to audio story 'shapesphysical'",
    "TaskName": "shapesphysical",
    "TotalReadoutTime": 0.0883478,
    "dataset": "ds002345",
    "modality": "bold",
    "subject_id": "223",
    "task_id": "shapesphysical"
  },
  "dummy_trs": 1,
  "dvars_nstd": 38.74929819470782,
  "dvars_std": 1.1231556432792207,
  "dvars_vstd": 0.9830276190259741,
  "efc": 0.6085817820065116,
  "fber": 260.66754150390625,
  "fd_mean": 0.09329257070025335,
  "fd_num": 9,
  "fd_perc": 2.912621359223301,
  "fwhm_avg": 2.89545,
  "fwhm_x": 2.7147,
  "fwhm_y": 3.17988,
  "fwhm_z": 2.79177,
  "gcor": 0.011046,
  "gsr_x": -0.014760307036340237,
  "gsr_y": 0.08095256984233856,
  "provenance": {
    "md5sum": "c4034889bbd90ca87d25e4ed603dd31a",
    "settings": {
      "fd_thres": 0.2,
      "testing": false
    },
    "software": "mriqc",
    "version": "22.0.0rc1",
    "webapi_port": null,
    "webapi_url": "https://mriqc.nimh.nih.gov/api/v1"
  },
  "size_t": 309,
  "size_x": 96,
  "size_y": 96,
  "size_z": 60,
  "snr": 2.1691780021359732,
  "spacing_tr": 1.5,
  "spacing_x": 2.0,
  "spacing_y": 2.0,
  "spacing_z": 2.0,
  "summary_bg_k": 30.939189567384616,
  "summary_bg_mad": 10.20548544853267,
  "summary_bg_mean": 57.453800201416016,
  "summary_bg_median": 29.074434280395508,
  "summary_bg_n": 308110.0,
  "summary_bg_p05": 20.766990661621094,
  "summary_bg_p95": 193.43220748901362,
  "summary_bg_stdv": 70.47843170166016,
  "summary_fg_k": 6.442244087985353,
  "summary_fg_mad": 189.50441661112774,
  "summary_fg_mean": 526.7788696289062,
  "summary_fg_median": 488.67315673828125,
  "summary_fg_n": 152745.0,
  "summary_fg_p05": 255.1404571533203,
  "summary_fg_p95": 917.402600097656,
  "summary_fg_stdv": 225.27960205078125,
  "tsnr": 35.97034275252372
}