{
  "aor": 0.0011932820512820512,
  "aqi": 0.008806720205128205,
  "bids_meta": {
    "AcquisitionMatrixPE": 96,
    "BandwidthPerPixelPhaseEncode": 20.425,
    "BaseResolution": 96,
    "BodyPartExamined": "BRAIN",
    "ConsistencyInfo": "N4_VE11C_LATEST_20160120",
    "ConversionSoftware": "dcm2niix",
    "ConversionSoftwareVersion": "v1.0.20180328 GCC6.3.0",
    "DerivedVendorReportedEchoSpacing": 0.000509996,
    "DeviceSerialNumber": "66018",
    "DwellTime": 2.1e-06,
    "EchoTime": 0.031,
    "EchoTrainLength": 96,
    "EffectiveEchoSpacing": 0.000509996,
    "FlipAngle": 67,
    "ImageOrientationPatientDICOM": [
      1,
      0,
      0,
      0,
      1,
      0
    ],
    "ImageType": [
      "ORIGINAL",
      "PRIMARY",
      "M",
      "ND",
      "NORM",
      "MOSAIC"
    ],
    "InPlanePhaseEncodingDirectionDICOM": "COL",
    "InstitutionAddress": "Washington Rd, Princeton, NJ 08540, USA",
    "InstitutionName": "Princeton University",
    "InstitutionalDepartmentName": "Princeton Neuroscience Institute",
    "MRAcquisitionType": "2D",
    "MagneticFieldStrength": 3,
    "Manufacturer": "Siemens",
    "ManufacturersModelName": "Prisma",
    "Modality": "MR",
    "MultibandAccelerationFactor": 3,
    "NumberOfVolumesDiscardedByScanner": 3,
    "PartialFourier": 1,
    "PatientPosition": "HFS",
    "PercentPhaseFOV": 100,
    "PhaseEncodingDirection": "j-",
    "PhaseEncodingSteps": 96,
    "PhaseResolution": 1,
    "PixelBandwidth": 2480,
    "ProcedureStepDescription": "Hasson_Nastase_042518_Storyteller",
    "ProtocolName": "func_task-bronx",
    "PulseSequenceDetails": "%SiemensSeq%_ep2d_bold",
    "ReceiveCoilActiveElements": "HC1-7;NC1",
    "ReceiveCoilName": "HeadNeck_64",
    "ReconMatrixPE": 96,
    "RepetitionTime": 1.5,
    "SAR": 0.0398913,
    "ScanOptions": "FS",
    "ScanningSequence": "EP",
    "SequenceName": "_epfid2d1_96",
    "SequenceVariant": "SK",
    "SeriesDescription": "func_task-bronx",
    "SeriesNumber": 10,
    "ShimSetting": [
      757,
      528,
      2097,
      569,
      -64,
      174,
      218,
      76
    ],
    "SliceThickness": 2.5,
    "SliceTiming": [
      1.11,
      0,
      0.74,
      0.0925,
      0.8325,
      0.185,
      0.925,
      0.2775,
      1.0175,
      0.4625,
      1.2025,
      0.555,
      1.295,
      0.6475,
      1.3875,
      0.37,
      1.11,
      0,
      0.74,
      0.0925,
      0.8325,
      0.185,
      0.925,
      0.2775,
      1.0175,
      0.4625,
      1.2025,
      0.555,
      1.295,
      0.6475,
      1.3875,
      0.37,
      1.11,
      0,
      0.74,
      0.0925,
      0.8325,
      0.185,
      0.925,
      0.2775,
      1.0175,
      0.4625,
      1.2025,
      0.555,
      1.295,
      0.6475,
      1.3875,
      0.37
    ],
    "SoftwareVersions": "syngo_MR_E11",
    "SpacingBetweenSlices": 2.5,
    "StationName": "AWP66018",
    "TaskDescription": "Passively listened to audio story 'bronx'",
    "TaskName": "bronx",
    "TotalReadoutTime": 0.0484496,
    "TxRefAmp": 231.976,
    "dataset": "ds002345",
    "modality": "bold",
    "subject_id": "290",
    "task_id": "bronx"
  },
  "dummy_trs": 0,
  "dvars_nstd": 27.308449159357323,
  "dvars_std": 1.2337901783033407,
  "dvars_vstd": 1.0148526181748074,
  "efc": 0.4632226413917885,
  "fber": 4469.2177734375,
  "fd_mean": 0.2093308406202765,
  "fd_num": 222,
  "fd_perc": 56.92307692307692,
  "fwhm_avg": 1.96918,
  "fwhm_x": 1.859404,
  "fwhm_y": 2.128776,
  "fwhm_z": 1.91936,
  "gcor": 0.00555772,
  "gsr_x": -0.021997792646288872,
  "gsr_y": 0.03825446963310242,
  "provenance": {
    "md5sum": "208e581c0dcd979e61ea89d1a095f659",
    "settings": {
      "fd_thres": 0.2,
      "testing": false
    },
    "software": "mriqc",
    "version": "22.0.0rc1",
    "webapi_port": null,
    "webapi_url": "https://mriqc.nimh.nih.gov/api/v1"
  },
  "size_t": 390,
  "size_x": 96,
  "size_y": 96,
  "size_z": 48,
  "snr": 6.297565224237697,
  "spacing_tr": 1.5,
  "spacing_x": 2.5,
  "spacing_y": 2.5,
  "spacing_z": 2.5,
  "summary_bg_k": 29.350198118329565,
  "summary_bg_mad": 6.3561817934459715,
  "summary_bg_mean": 27.61278533935547,
  "summary_bg_median": 10.717948913574219,
  "summary_bg_n": 309888.0,
  "summary_bg_p05": 5.182051658630371,
  "summary_bg_p95": 109.47577247619566,
  "summary_bg_stdv": 52.31806945800781,
  "summary_fg_k": 2.9853261381790013,
  "summary_fg_mad": 102.30525400094452,
  "summary_fg_mean": 725.7504272460938,
  "summary_fg_median": 724.75,
  "summary_fg_n": 70528.0,
  "summary_fg_p05": 564.6696350097657,
  "summary_fg_p95": 906.7759521484375,
  "summary_fg_stdv": 115.08334350585938,
  "tsnr": 64.39017518609762
}