{
  "aor": 0.0002563001745200698,
  "aqi": 0.0075311085689354264,
  "bids_meta": {
    "AcquisitionMatrixPE": 96,
    "BandwidthPerPixelPhaseEncode": 20.425,
    "BaseResolution": 96,
    "BodyPartExamined": "BRAIN",
    "ConsistencyInfo": "N4_VE11C_LATEST_20160120",
    "ConversionSoftware": "dcm2niix",
    "ConversionSoftwareVersion": "v1.0.20180328 GCC6.3.0",
    "DerivedVendorReportedEchoSpacing": 0.000509996,
    "DeviceSerialNumber": "66018",
    "DwellTime": 2.1e-06,
    "EchoTime": 0.031,
    "EchoTrainLength": 96,
    "EffectiveEchoSpacing": 0.000509996,
    "FlipAngle": 67,
    "ImageOrientationPatientDICOM": [
      1,
      0,
      0,
      0,
      1,
      0
    ],
    "ImageType": [
      "ORIGINAL",
      "PRIMARY",
      "M",
      "ND",
      "NORM",
      "MOSAIC"
    ],
    "InPlanePhaseEncodingDirectionDICOM": "COL",
    "InstitutionAddress": "Washington Rd, Princeton, NJ 08540, USA",
    "InstitutionName": "Princeton University",
    "InstitutionalDepartmentName": "Princeton Neuroscience Institute",
    "MRAcquisitionType": "2D",
    "MagneticFieldStrength": 3,
    "Manufacturer": "Siemens",
    "ManufacturersModelName": "Prisma",
    "Modality": "MR",
    "MultibandAccelerationFactor": 3,
    "NumberOfVolumesDiscardedByScanner": 3,
    "PartialFourier": 1,
    "PatientPosition": "HFS",
    "PercentPhaseFOV": 100,
    "PhaseEncodingDirection": "j-",
    "PhaseEncodingSteps": 96,
    "PhaseResolution": 1,
    "PixelBandwidth": 2480,
    "ProcedureStepDescription": "Hasson_Nastase_042518_Storyteller",
    "ProtocolName": "func_task-forgot",
    "PulseSequenceDetails": "%SiemensSeq%_ep2d_bold",
    "ReceiveCoilActiveElements": "HC1-7;NC1",
    "ReceiveCoilName": "HeadNeck_64",
    "ReconMatrixPE": 96,
    "RepetitionTime": 1.5,
    "SAR": 0.039915,
    "ScanOptions": "FS",
    "ScanningSequence": "EP",
    "SequenceName": "_epfid2d1_96",
    "SequenceVariant": "SK",
    "SeriesDescription": "func_task-forgot",
    "SeriesNumber": 13,
    "ShimSetting": [
      757,
      528,
      2097,
      569,
      -64,
      174,
      218,
      76
    ],
    "SliceThickness": 2.5,
    "SliceTiming": [
      1.11,
      0,
      0.74,
      0.0925,
      0.8325,
      0.185,
      0.925,
      0.2775,
      1.0175,
      0.4625,
      1.2025,
      0.555,
      1.295,
      0.6475,
      1.3875,
      0.37,
      1.11,
      0,
      0.74,
      0.0925,
      0.8325,
      0.185,
      0.925,
      0.2775,
      1.0175,
      0.4625,
      1.2025,
      0.555,
      1.295,
      0.6475,
      1.3875,
      0.37,
      1.11,
      0,
      0.74,
      0.0925,
      0.8325,
      0.185,
      0.925,
      0.2775,
      1.0175,
      0.4625,
      1.2025,
      0.555,
      1.295,
      0.6475,
      1.3875,
      0.37
    ],
    "SoftwareVersions": "syngo_MR_E11",
    "SpacingBetweenSlices": 2.5,
    "StationName": "AWP66018",
    "TaskDescription": "Passively listened to audio story 'forgot'",
    "TaskName": "forgot",
    "TotalReadoutTime": 0.0484496,
    "TxRefAmp": 231.976,
    "dataset": "ds002345",
    "modality": "bold",
    "subject_id": "290",
    "task_id": "forgot"
  },
  "dummy_trs": 1,
  "dvars_nstd": 27.064212405507003,
  "dvars_std": 1.2143661152447547,
  "dvars_vstd": 0.9929958111713285,
  "efc": 0.4649422622317064,
  "fber": 4355.33642578125,
  "fd_mean": 0.21513129517611432,
  "fd_num": 337,
  "fd_perc": 58.81326352530541,
  "fwhm_avg": 1.953565333333333,
  "fwhm_x": 1.8462319999999999,
  "fwhm_y": 2.117736,
  "fwhm_z": 1.896728,
  "gcor": 0.00560481,
  "gsr_x": -0.022852681577205658,
  "gsr_y": 0.038166988641023636,
  "provenance": {
    "md5sum": "ead3ff4f53f53ee4738e4ad28e3206d4",
    "settings": {
      "fd_thres": 0.2,
      "testing": false
    },
    "software": "mriqc",
    "version": "22.0.0rc1",
    "webapi_port": null,
    "webapi_url": "https://mriqc.nimh.nih.gov/api/v1"
  },
  "size_t": 573,
  "size_x": 96,
  "size_y": 96,
  "size_z": 48,
  "snr": 6.304645748583756,
  "spacing_tr": 1.5,
  "spacing_x": 2.5,
  "spacing_y": 2.5,
  "spacing_z": 2.5,
  "summary_bg_k": 28.47120186440988,
  "summary_bg_mad": 6.434959034108688,
  "summary_bg_mean": 28.10606575012207,
  "summary_bg_median": 10.783595085144043,
  "summary_bg_n": 309846.0,
  "summary_bg_p05": 5.2024431228637695,
  "summary_bg_p95": 113.0715560913086,
  "summary_bg_stdv": 53.084312438964844,
  "summary_fg_k": 2.820156887190037,
  "summary_fg_mad": 102.13010894516341,
  "summary_fg_mean": 721.2555541992188,
  "summary_fg_median": 719.7015380859375,
  "summary_fg_n": 70558.0,
  "summary_fg_p05": 560.7408508300781,
  "summary_fg_p95": 901.6482482910156,
  "summary_fg_stdv": 114.15335083007812,
  "tsnr": 67.59724180959165
}