{
  "aor": 0.0013334933774834439,
  "aqi": 0.019302788733443706,
  "bids_meta": {
    "CogAtlasID": "https://www.cognitiveatlas.org/task/id/trm_4c8991fadfe01",
    "DeviceSerialNumber": "45031",
    "DwellTime": 5.4e-06,
    "EchoTime": 0.028,
    "EffectiveEchoSpacing": 0.000390001,
    "FlipAngle": 64,
    "InstitutionAddress": "Washington Rd, Princeton, NJ 08540, USA",
    "InstitutionName": "Princeton University",
    "InstitutionalDepartmentName": "Princeton Neuroscience Institute",
    "MagneticFieldStrength": 3,
    "Manufacturer": "Siemens",
    "ManufacturersModelName": "Skyra",
    "NumberOfVolumesDiscardedByScanner": 3,
    "ParallelReductionFactorInPlane": 2,
    "ParallelReductionType": "GRAPPA",
    "PartialFourier": 1,
    "PhaseEncodingDirection": "j-",
    "PixelBandwidth": 1445,
    "PulseSequenceDetails": "%SiemensSeq%_ep2d_bold",
    "PulseSequenceType": "Gradient Echo EPI",
    "ReceiveCoilActiveElements": "HE1-4",
    "ReceiveCoilName": "HeadNeck_20",
    "RepetitionTime": 1.5,
    "ScanOptions": "FS",
    "ScanningSequence": "EP",
    "SequenceName": "_epfid2d1_64",
    "SequenceVariant": "SK",
    "SliceTiming": [
      0,
      0.7775,
      0.055,
      0.8325,
      0.11,
      0.8875,
      0.1675,
      0.945,
      0.2225,
      1,
      0.2775,
      1.055,
      0.3325,
      1.11,
      0.3875,
      1.165,
      0.445,
      1.2225,
      0.5,
      1.2775,
      0.555,
      1.3325,
      0.61,
      1.3875,
      0.6675,
      1.445,
      0.7225
    ],
    "SoftwareVersions": "syngo_MR_D11",
    "StationName": "AWP45031",
    "TaskDescription": "Passively listened to audio story 'slumlordreach'",
    "TaskName": "slumlordreach",
    "TotalReadoutTime": 0.0245701,
    "dataset": "ds002345",
    "modality": "bold",
    "subject_id": "137",
    "task_id": "slumlordreach"
  },
  "dummy_trs": 0,
  "dvars_nstd": 22.51953750310688,
  "dvars_std": 1.1550866948715799,
  "dvars_vstd": 0.9864864641176472,
  "efc": 0.5917404219467535,
  "fber": 1761.167724609375,
  "fd_mean": 0.16694400056854403,
  "fd_num": 317,
  "fd_perc": 26.241721854304636,
  "fwhm_avg": 1.7972343275130769,
  "fwhm_x": 1.7460766666666665,
  "fwhm_y": 2.0264933333333333,
  "fwhm_z": 1.6191329825392313,
  "gcor": 0.104231,
  "gsr_x": -0.010448019951581955,
  "gsr_y": 0.046270016580820084,
  "provenance": {
    "md5sum": "f44de4297be5c2561c46b7f1a39e16cc",
    "settings": {
      "fd_thres": 0.2,
      "testing": false
    },
    "software": "mriqc",
    "version": "22.0.0rc1",
    "webapi_port": null,
    "webapi_url": "https://mriqc.nimh.nih.gov/api/v1"
  },
  "size_t": 1208,
  "size_x": 64,
  "size_y": 64,
  "size_z": 27,
  "snr": 7.271847025609727,
  "spacing_tr": 1.5,
  "spacing_x": 3.0,
  "spacing_y": 3.0,
  "spacing_z": 3.9999988079071045,
  "summary_bg_k": 20.909147665491854,
  "summary_bg_mad": 9.465089954820328,
  "summary_bg_mean": 36.60028076171875,
  "summary_bg_median": 14.188741683959961,
  "summary_bg_n": 54983.0,
  "summary_bg_p05": 6.3716888427734375,
  "summary_bg_p95": 138.04850921630853,
  "summary_bg_stdv": 65.14250183105469,
  "summary_fg_k": 2.9100449441175655,
  "summary_fg_mad": 77.37764683944813,
  "summary_fg_mean": 635.149169921875,
  "summary_fg_median": 626.7864379882812,
  "summary_fg_n": 27251.0,
  "summary_fg_p05": 518.8555603027344,
  "summary_fg_p95": 779.1357727050781,
  "summary_fg_stdv": 86.19198608398438,
  "tsnr": 45.68631016090512
}