{
  "aor": 0.001272625,
  "aqi": 0.00850694335,
  "bids_meta": {
    "CogAtlasID": "https://www.cognitiveatlas.org/task/id/trm_4c8991fadfe01",
    "DeviceSerialNumber": "45031",
    "DwellTime": 5.4e-06,
    "EchoTime": 0.028,
    "EffectiveEchoSpacing": 0.000390001,
    "FlipAngle": 64,
    "InstitutionAddress": "Washington Rd, Princeton, NJ 08540, USA",
    "InstitutionName": "Princeton University",
    "InstitutionalDepartmentName": "Princeton Neuroscience Institute",
    "MagneticFieldStrength": 3,
    "Manufacturer": "Siemens",
    "ManufacturersModelName": "Skyra",
    "NumberOfVolumesDiscardedByScanner": 3,
    "ParallelReductionFactorInPlane": 2,
    "ParallelReductionType": "GRAPPA",
    "PartialFourier": 1,
    "PhaseEncodingDirection": "j-",
    "PixelBandwidth": 1445,
    "PulseSequenceDetails": "%SiemensSeq%_ep2d_bold",
    "PulseSequenceType": "Gradient Echo EPI",
    "ReceiveCoilActiveElements": "HE1-4",
    "ReceiveCoilName": "HeadNeck_20",
    "RepetitionTime": 1.5,
    "ScanOptions": "FS",
    "ScanningSequence": "EP",
    "SequenceName": "_epfid2d1_64",
    "SequenceVariant": "SK",
    "SliceTiming": [
      0,
      0.7775,
      0.055,
      0.8325,
      0.11,
      0.8875,
      0.165,
      0.9425,
      0.2225,
      1,
      0.2775,
      1.055,
      0.3325,
      1.11,
      0.3875,
      1.165,
      0.445,
      1.2225,
      0.5,
      1.2775,
      0.555,
      1.3325,
      0.61,
      1.3875,
      0.665,
      1.4425,
      0.7225
    ],
    "SoftwareVersions": "syngo_MR_D11",
    "StationName": "AWP45031",
    "TaskDescription": "Passively listened to audio story 'notthefall'",
    "TaskName": "notthefall",
    "TotalReadoutTime": 0.0245701,
    "dataset": "ds002345",
    "modality": "bold",
    "subject_id": "137",
    "task_id": "notthefall"
  },
  "dummy_trs": 0,
  "dvars_nstd": 21.756991761528838,
  "dvars_std": 1.182132258120301,
  "dvars_vstd": 0.9963097151127821,
  "efc": 0.5913003913732422,
  "fber": 1834.5560302734375,
  "fd_mean": 0.1292743420098067,
  "fd_num": 31,
  "fd_perc": 7.75,
  "fwhm_avg": 1.7740932171887476,
  "fwhm_x": 1.7101166666666667,
  "fwhm_y": 1.98511,
  "fwhm_z": 1.627052984899576,
  "gcor": 0.0368595,
  "gsr_x": -0.009274410083889961,
  "gsr_y": 0.04246978834271431,
  "provenance": {
    "md5sum": "69df4230142e97477a345d5505c62a1e",
    "settings": {
      "fd_thres": 0.2,
      "testing": false
    },
    "software": "mriqc",
    "version": "22.0.0rc1",
    "webapi_port": null,
    "webapi_url": "https://mriqc.nimh.nih.gov/api/v1"
  },
  "size_t": 400,
  "size_x": 64,
  "size_y": 64,
  "size_z": 27,
  "snr": 7.391375651413109,
  "spacing_tr": 1.5,
  "spacing_x": 3.0,
  "spacing_y": 3.0,
  "spacing_z": 3.9999988079071045,
  "summary_bg_k": 19.9212543685535,
  "summary_bg_mad": 8.906732021738199,
  "summary_bg_mean": 35.972503662109375,
  "summary_bg_median": 13.755000114440918,
  "summary_bg_n": 55054.0,
  "summary_bg_p05": 6.467499732971191,
  "summary_bg_p95": 138.19612808227538,
  "summary_bg_stdv": 63.9072265625,
  "summary_fg_k": 2.998287405707244,
  "summary_fg_mad": 75.494079628865,
  "summary_fg_mean": 630.1672973632812,
  "summary_fg_median": 622.103759765625,
  "summary_fg_n": 27188.0,
  "summary_fg_p05": 517.4944946289063,
  "summary_fg_p95": 770.7724822998044,
  "summary_fg_stdv": 84.16461944580078,
  "tsnr": 69.32210379559547
}