{
  "aor": 0.0046988095238095235,
  "aqi": 0.025415480612244898,
  "bids_meta": {
    "AcquisitionMatrixPE": 96,
    "BandwidthPerPixelPhaseEncode": 20.425,
    "BaseResolution": 96,
    "BodyPartExamined": "BRAIN",
    "ConsistencyInfo": "N4_VE11C_LATEST_20160120",
    "ConversionSoftware": "dcm2niix",
    "ConversionSoftwareVersion": "v1.0.20180328 GCC6.3.0",
    "DerivedVendorReportedEchoSpacing": 0.000509996,
    "DeviceSerialNumber": "66018",
    "DwellTime": 2.1e-06,
    "EchoTime": 0.031,
    "EchoTrainLength": 96,
    "EffectiveEchoSpacing": 0.000509996,
    "FlipAngle": 67,
    "ImageOrientationPatientDICOM": [
      1,
      0,
      0,
      0,
      1,
      0
    ],
    "ImageType": [
      "ORIGINAL",
      "PRIMARY",
      "M",
      "ND",
      "NORM",
      "MOSAIC"
    ],
    "InPlanePhaseEncodingDirectionDICOM": "COL",
    "InstitutionAddress": "Washington Rd, Princeton, NJ 08540, USA",
    "InstitutionName": "Princeton University",
    "InstitutionalDepartmentName": "Princeton Neuroscience Institute",
    "MRAcquisitionType": "2D",
    "MagneticFieldStrength": 3,
    "Manufacturer": "Siemens",
    "ManufacturersModelName": "Prisma",
    "Modality": "MR",
    "MultibandAccelerationFactor": 3,
    "NumberOfVolumesDiscardedByScanner": 3,
    "PartialFourier": 1,
    "PatientPosition": "HFS",
    "PercentPhaseFOV": 100,
    "PhaseEncodingDirection": "j-",
    "PhaseEncodingSteps": 96,
    "PhaseResolution": 1,
    "PixelBandwidth": 2480,
    "ProcedureStepDescription": "Hasson_Nastase_042518_Storyteller",
    "ProtocolName": "func_task-pieman",
    "PulseSequenceDetails": "%SiemensSeq%_ep2d_bold",
    "ReceiveCoilActiveElements": "HC1-7;NC1",
    "ReceiveCoilName": "HeadNeck_64",
    "ReconMatrixPE": 96,
    "RepetitionTime": 1.5,
    "SAR": 0.0358363,
    "ScanOptions": "FS",
    "ScanningSequence": "EP",
    "SequenceName": "_epfid2d1_96",
    "SequenceVariant": "SK",
    "SeriesDescription": "func_task-pieman",
    "SeriesNumber": 8,
    "ShimSetting": [
      751,
      573,
      2022,
      446,
      -56,
      225,
      119,
      49
    ],
    "SliceThickness": 2.5,
    "SliceTiming": [
      1.11,
      0,
      0.74,
      0.0925,
      0.8325,
      0.185,
      0.925,
      0.2775,
      1.0175,
      0.4625,
      1.2025,
      0.555,
      1.295,
      0.6475,
      1.3875,
      0.37,
      1.11,
      0,
      0.74,
      0.0925,
      0.8325,
      0.185,
      0.925,
      0.2775,
      1.0175,
      0.4625,
      1.2025,
      0.555,
      1.295,
      0.6475,
      1.3875,
      0.37,
      1.11,
      0,
      0.74,
      0.0925,
      0.8325,
      0.185,
      0.925,
      0.2775,
      1.0175,
      0.4625,
      1.2025,
      0.555,
      1.295,
      0.6475,
      1.3875,
      0.37
    ],
    "SoftwareVersions": "syngo_MR_E11",
    "SpacingBetweenSlices": 2.5,
    "StationName": "AWP66018",
    "TaskDescription": "Passively listened to audio story 'piemanpni'",
    "TaskName": "piemanpni",
    "TotalReadoutTime": 0.0484496,
    "TxRefAmp": 228.505,
    "dataset": "ds002345",
    "modality": "bold",
    "subject_id": "281",
    "task_id": "piemanpni"
  },
  "dummy_trs": 0,
  "dvars_nstd": 39.426897322662114,
  "dvars_std": 1.2822241968941972,
  "dvars_vstd": 0.9741815644027301,
  "efc": 0.4785394677860076,
  "fber": 4458.10546875,
  "fd_mean": 0.2928023220638467,
  "fd_num": 135,
  "fd_perc": 45.91836734693877,
  "fwhm_avg": 1.997624,
  "fwhm_x": 1.8711600000000002,
  "fwhm_y": 2.1457640000000002,
  "fwhm_z": 1.975948,
  "gcor": 0.0186544,
  "gsr_x": -0.016558663919568062,
  "gsr_y": 0.03262236714363098,
  "provenance": {
    "md5sum": "6e93f8f7f2d2f63a10a5d5df24bd73ee",
    "settings": {
      "fd_thres": 0.2,
      "testing": false
    },
    "software": "mriqc",
    "version": "22.0.0rc1",
    "webapi_port": null,
    "webapi_url": "https://mriqc.nimh.nih.gov/api/v1"
  },
  "size_t": 294,
  "size_x": 96,
  "size_y": 96,
  "size_z": 48,
  "snr": 6.431130192314979,
  "spacing_tr": 1.5,
  "spacing_x": 2.5,
  "spacing_y": 2.5,
  "spacing_z": 2.5,
  "summary_bg_k": 25.698665677112142,
  "summary_bg_mad": 7.065052534480586,
  "summary_bg_mean": 36.8509407043457,
  "summary_bg_median": 11.608842849731445,
  "summary_bg_n": 307961.0,
  "summary_bg_p05": 5.207482814788818,
  "summary_bg_p95": 178.02040100097656,
  "summary_bg_stdv": 74.72725677490234,
  "summary_fg_k": 2.3630035575204307,
  "summary_fg_mad": 112.24911341178091,
  "summary_fg_mean": 781.740234375,
  "summary_fg_median": 780.593505859375,
  "summary_fg_n": 72106.0,
  "summary_fg_p05": 602.7227783203125,
  "summary_fg_p95": 974.3937072753906,
  "summary_fg_stdv": 121.37650299072266,
  "tsnr": 40.10863404395059
}