{
  "aor": 0.0038930366492146602,
  "aqi": 0.02927219877835951,
  "bids_meta": {
    "AcquisitionMatrixPE": 96,
    "BandwidthPerPixelPhaseEncode": 20.425,
    "BaseResolution": 96,
    "BodyPartExamined": "BRAIN",
    "ConsistencyInfo": "N4_VE11C_LATEST_20160120",
    "ConversionSoftware": "dcm2niix",
    "ConversionSoftwareVersion": "v1.0.20180328 GCC6.3.0",
    "DerivedVendorReportedEchoSpacing": 0.000509996,
    "DeviceSerialNumber": "66018",
    "DwellTime": 2.1e-06,
    "EchoTime": 0.031,
    "EchoTrainLength": 96,
    "EffectiveEchoSpacing": 0.000509996,
    "FlipAngle": 67,
    "ImageOrientationPatientDICOM": [
      1,
      0,
      0,
      0,
      1,
      0
    ],
    "ImageType": [
      "ORIGINAL",
      "PRIMARY",
      "M",
      "ND",
      "NORM",
      "MOSAIC"
    ],
    "InPlanePhaseEncodingDirectionDICOM": "COL",
    "InstitutionAddress": "Washington Rd, Princeton, NJ 08540, USA",
    "InstitutionName": "Princeton University",
    "InstitutionalDepartmentName": "Princeton Neuroscience Institute",
    "MRAcquisitionType": "2D",
    "MagneticFieldStrength": 3,
    "Manufacturer": "Siemens",
    "ManufacturersModelName": "Prisma",
    "Modality": "MR",
    "MultibandAccelerationFactor": 3,
    "NumberOfVolumesDiscardedByScanner": 3,
    "PartialFourier": 1,
    "PatientPosition": "HFS",
    "PercentPhaseFOV": 100,
    "PhaseEncodingDirection": "j-",
    "PhaseEncodingSteps": 96,
    "PhaseResolution": 1,
    "PixelBandwidth": 2480,
    "ProcedureStepDescription": "Hasson_Nastase_042518_Storyteller",
    "ProtocolName": "func_task-forgot",
    "PulseSequenceDetails": "%SiemensSeq%_ep2d_bold",
    "ReceiveCoilActiveElements": "HC1-7;NC1",
    "ReceiveCoilName": "HeadNeck_64",
    "ReconMatrixPE": 96,
    "RepetitionTime": 1.5,
    "SAR": 0.035879,
    "ScanOptions": "FS",
    "ScanningSequence": "EP",
    "SequenceName": "_epfid2d1_96",
    "SequenceVariant": "SK",
    "SeriesDescription": "func_task-forgot",
    "SeriesNumber": 11,
    "ShimSetting": [
      751,
      573,
      2022,
      446,
      -56,
      225,
      119,
      49
    ],
    "SliceThickness": 2.5,
    "SliceTiming": [
      1.11,
      0,
      0.74,
      0.0925,
      0.8325,
      0.185,
      0.925,
      0.2775,
      1.0175,
      0.4625,
      1.2025,
      0.555,
      1.295,
      0.6475,
      1.3875,
      0.37,
      1.11,
      0,
      0.74,
      0.0925,
      0.8325,
      0.185,
      0.925,
      0.2775,
      1.0175,
      0.4625,
      1.2025,
      0.555,
      1.295,
      0.6475,
      1.3875,
      0.37,
      1.11,
      0,
      0.74,
      0.0925,
      0.8325,
      0.185,
      0.925,
      0.2775,
      1.0175,
      0.4625,
      1.2025,
      0.555,
      1.295,
      0.6475,
      1.3875,
      0.37
    ],
    "SoftwareVersions": "syngo_MR_E11",
    "SpacingBetweenSlices": 2.5,
    "StationName": "AWP66018",
    "TaskDescription": "Passively listened to audio story 'forgot'",
    "TaskName": "forgot",
    "TotalReadoutTime": 0.0484496,
    "TxRefAmp": 228.505,
    "dataset": "ds002345",
    "modality": "bold",
    "subject_id": "281",
    "task_id": "forgot"
  },
  "dummy_trs": 1,
  "dvars_nstd": 35.81678392510491,
  "dvars_std": 1.1424724404370628,
  "dvars_vstd": 0.9467913525874138,
  "efc": 0.46037181662929466,
  "fber": 5375.5087890625,
  "fd_mean": 0.2833483773880272,
  "fd_num": 257,
  "fd_perc": 44.85165794066317,
  "fwhm_avg": 1.993766666666667,
  "fwhm_x": 1.8521640000000001,
  "fwhm_y": 2.14862,
  "fwhm_z": 1.9805160000000002,
  "gcor": 0.0243484,
  "gsr_x": -0.009861670434474945,
  "gsr_y": 0.03495214134454727,
  "provenance": {
    "md5sum": "0881da524721c91c91899dc4161bc919",
    "settings": {
      "fd_thres": 0.2,
      "testing": false
    },
    "software": "mriqc",
    "version": "22.0.0rc1",
    "webapi_port": null,
    "webapi_url": "https://mriqc.nimh.nih.gov/api/v1"
  },
  "size_t": 573,
  "size_x": 96,
  "size_y": 96,
  "size_z": 48,
  "snr": 6.435378652787578,
  "spacing_tr": 1.5,
  "spacing_x": 2.5,
  "spacing_y": 2.5,
  "spacing_z": 2.5,
  "summary_bg_k": 29.414017971415518,
  "summary_bg_mad": 6.522931701262237,
  "summary_bg_mean": 33.80431365966797,
  "summary_bg_median": 10.902268409729004,
  "summary_bg_n": 313655.0,
  "summary_bg_p05": 4.858638763427734,
  "summary_bg_p95": 161.6305419921875,
  "summary_bg_stdv": 72.14091491699219,
  "summary_fg_k": 3.5603586160581147,
  "summary_fg_mad": 107.2519367569631,
  "summary_fg_mean": 802.50048828125,
  "summary_fg_median": 800.9668579101562,
  "summary_fg_n": 68003.0,
  "summary_fg_p05": 624.7019226074219,
  "summary_fg_p95": 992.7057861328122,
  "summary_fg_stdv": 124.4621353149414,
  "tsnr": 38.85270096035674
}