{
  "aor": 0.0009018205128205127,
  "aqi": 0.01212116458974359,
  "bids_meta": {
    "AcquisitionMatrixPE": 96,
    "BandwidthPerPixelPhaseEncode": 20.425,
    "BaseResolution": 96,
    "BodyPartExamined": "BRAIN",
    "ConsistencyInfo": "N4_VE11C_LATEST_20160120",
    "ConversionSoftware": "dcm2niix",
    "ConversionSoftwareVersion": "v1.0.20180328 GCC6.3.0",
    "DerivedVendorReportedEchoSpacing": 0.000509996,
    "DeviceSerialNumber": "66018",
    "DwellTime": 2.1e-06,
    "EchoTime": 0.031,
    "EchoTrainLength": 96,
    "EffectiveEchoSpacing": 0.000509996,
    "FlipAngle": 67,
    "ImageOrientationPatientDICOM": [
      1,
      0,
      0,
      0,
      1,
      0
    ],
    "ImageType": [
      "ORIGINAL",
      "PRIMARY",
      "M",
      "ND",
      "NORM",
      "MOSAIC"
    ],
    "InPlanePhaseEncodingDirectionDICOM": "COL",
    "InstitutionAddress": "Washington Rd, Princeton, NJ 08540, USA",
    "InstitutionName": "Princeton University",
    "InstitutionalDepartmentName": "Princeton Neuroscience Institute",
    "MRAcquisitionType": "2D",
    "MagneticFieldStrength": 3,
    "Manufacturer": "Siemens",
    "ManufacturersModelName": "Prisma",
    "Modality": "MR",
    "MultibandAccelerationFactor": 3,
    "NumberOfVolumesDiscardedByScanner": 3,
    "PartialFourier": 1,
    "PatientPosition": "HFS",
    "PercentPhaseFOV": 100,
    "PhaseEncodingDirection": "j-",
    "PhaseEncodingSteps": 96,
    "PhaseResolution": 1,
    "PixelBandwidth": 2480,
    "ProcedureStepDescription": "Hasson_Nastase_042518_Storyteller",
    "ProtocolName": "func_task-bronx",
    "PulseSequenceDetails": "%SiemensSeq%_ep2d_bold",
    "ReceiveCoilActiveElements": "HC1-7;NC1",
    "ReceiveCoilName": "HeadNeck_64",
    "ReconMatrixPE": 96,
    "RepetitionTime": 1.5,
    "SAR": 0.0358577,
    "ScanOptions": "FS",
    "ScanningSequence": "EP",
    "SequenceName": "_epfid2d1_96",
    "SequenceVariant": "SK",
    "SeriesDescription": "func_task-bronx",
    "SeriesNumber": 7,
    "ShimSetting": [
      751,
      573,
      2022,
      446,
      -56,
      225,
      119,
      49
    ],
    "SliceThickness": 2.5,
    "SliceTiming": [
      1.11,
      0,
      0.74,
      0.0925,
      0.8325,
      0.185,
      0.925,
      0.2775,
      1.0175,
      0.4625,
      1.2025,
      0.555,
      1.295,
      0.6475,
      1.3875,
      0.37,
      1.11,
      0,
      0.74,
      0.0925,
      0.8325,
      0.185,
      0.925,
      0.2775,
      1.0175,
      0.4625,
      1.2025,
      0.555,
      1.295,
      0.6475,
      1.3875,
      0.37,
      1.11,
      0,
      0.74,
      0.0925,
      0.8325,
      0.185,
      0.925,
      0.2775,
      1.0175,
      0.4625,
      1.2025,
      0.555,
      1.295,
      0.6475,
      1.3875,
      0.37
    ],
    "SoftwareVersions": "syngo_MR_E11",
    "SpacingBetweenSlices": 2.5,
    "StationName": "AWP66018",
    "TaskDescription": "Passively listened to audio story 'bronx'",
    "TaskName": "bronx",
    "TotalReadoutTime": 0.0484496,
    "TxRefAmp": 228.505,
    "dataset": "ds002345",
    "modality": "bold",
    "subject_id": "281",
    "task_id": "bronx"
  },
  "dummy_trs": 0,
  "dvars_nstd": 34.85074934190231,
  "dvars_std": 1.4153284684832894,
  "dvars_vstd": 0.9786603823907462,
  "efc": 0.47880918122688537,
  "fber": 4433.5791015625,
  "fd_mean": 0.14658311569729424,
  "fd_num": 62,
  "fd_perc": 15.897435897435898,
  "fwhm_avg": 1.9673053333333332,
  "fwhm_x": 1.8609040000000001,
  "fwhm_y": 2.1196960000000002,
  "fwhm_z": 1.9213159999999998,
  "gcor": 0.0198147,
  "gsr_x": -0.01694241724908352,
  "gsr_y": 0.03332468122243881,
  "provenance": {
    "md5sum": "f899197db681cbbce57bb313f4862202",
    "settings": {
      "fd_thres": 0.2,
      "testing": false
    },
    "software": "mriqc",
    "version": "22.0.0rc1",
    "webapi_port": null,
    "webapi_url": "https://mriqc.nimh.nih.gov/api/v1"
  },
  "size_t": 390,
  "size_x": 96,
  "size_y": 96,
  "size_z": 48,
  "snr": 6.380476886809072,
  "spacing_tr": 1.5,
  "spacing_x": 2.5,
  "spacing_y": 2.5,
  "spacing_z": 2.5,
  "summary_bg_k": 26.6382557753315,
  "summary_bg_mad": 7.150704252516782,
  "summary_bg_mean": 36.959938049316406,
  "summary_bg_median": 11.628205299377441,
  "summary_bg_n": 307744.0,
  "summary_bg_p05": 5.141026020050049,
  "summary_bg_p95": 177.70398559570293,
  "summary_bg_stdv": 75.49065399169922,
  "summary_fg_k": 2.5983663530473295,
  "summary_fg_mad": 112.60935751773006,
  "summary_fg_mean": 781.3489990234375,
  "summary_fg_median": 779.7717895507812,
  "summary_fg_n": 72323.0,
  "summary_fg_p05": 602.664892578125,
  "summary_fg_p95": 974.7708251953125,
  "summary_fg_stdv": 122.2113037109375,
  "tsnr": 55.62802441045642
}