{
  "aor": 0.0006270894308943089,
  "aqi": 0.013850660471544714,
  "bids_meta": {
    "CogAtlasID": "https://www.cognitiveatlas.org/task/id/trm_4c8991fadfe01",
    "DeviceSerialNumber": "45031",
    "DwellTime": 4.9e-06,
    "EchoTime": 0.028,
    "EffectiveEchoSpacing": 0.000355001,
    "FlipAngle": 64,
    "InstitutionAddress": "Washington Rd, Princeton, NJ 08540, USA",
    "InstitutionName": "Princeton University",
    "InstitutionalDepartmentName": "Princeton Neuroscience Institute",
    "MagneticFieldStrength": 3,
    "Manufacturer": "Siemens",
    "ManufacturersModelName": "Skyra",
    "NumberOfVolumesDiscardedByScanner": 3,
    "ParallelReductionFactorInPlane": 2,
    "ParallelReductionType": "GRAPPA",
    "PartialFourier": 1,
    "PhaseEncodingDirection": "j-",
    "PixelBandwidth": 1595,
    "PulseSequenceDetails": "%SiemensSeq%_ep2d_bold",
    "PulseSequenceType": "Gradient Echo EPI",
    "ReceiveCoilActiveElements": "HE1-4",
    "ReceiveCoilName": "HeadNeck_20",
    "RepetitionTime": 1.5,
    "ScanOptions": "FS",
    "ScanningSequence": "EP",
    "SequenceName": "_epfid2d1_64",
    "SequenceVariant": "SK",
    "SliceTiming": [
      0,
      0.7675,
      0.055,
      0.8225,
      0.1075,
      0.875,
      0.1625,
      0.93,
      0.2175,
      0.985,
      0.2725,
      1.04,
      0.3275,
      1.095,
      0.3825,
      1.15,
      0.4375,
      1.205,
      0.4925,
      1.26,
      0.5475,
      1.315,
      0.6025,
      1.37,
      0.6575,
      1.425,
      0.7125
    ],
    "SoftwareVersions": "syngo_MR_D13",
    "StationName": "AWP45031",
    "TaskDescription": "Passively listened to audio story 'merlin'",
    "TaskName": "merlin",
    "TotalReadoutTime": 0.022365,
    "dataset": "ds002345",
    "modality": "bold",
    "subject_id": "169",
    "task_id": "merlin"
  },
  "dummy_trs": 0,
  "dvars_nstd": 23.22415000843646,
  "dvars_std": 1.1008995849022796,
  "dvars_vstd": 1.0038963405863188,
  "efc": 0.6138736247617538,
  "fber": 774.6840209960938,
  "fd_mean": 0.16965339718650108,
  "fd_num": 170,
  "fd_perc": 27.642276422764226,
  "fwhm_avg": 1.7317419444444446,
  "fwhm_x": 1.7168733333333333,
  "fwhm_y": 1.9494300000000002,
  "fwhm_z": 1.5289225,
  "gcor": 0.0123558,
  "gsr_x": 0.0016520475037395954,
  "gsr_y": 0.04364658519625664,
  "provenance": {
    "md5sum": "534eab2a6109dff2ee3d4bab8116ddd1",
    "settings": {
      "fd_thres": 0.2,
      "testing": false
    },
    "software": "mriqc",
    "version": "22.0.0rc1",
    "webapi_port": null,
    "webapi_url": "https://mriqc.nimh.nih.gov/api/v1"
  },
  "size_t": 615,
  "size_x": 64,
  "size_y": 64,
  "size_z": 27,
  "snr": 7.5888431480571334,
  "spacing_tr": 1.5,
  "spacing_x": 3.0,
  "spacing_y": 3.0,
  "spacing_z": 4.0,
  "summary_bg_k": 17.308489271418964,
  "summary_bg_mad": 19.758384762786136,
  "summary_bg_mean": 48.87794876098633,
  "summary_bg_median": 24.330080032348633,
  "summary_bg_n": 53487.0,
  "summary_bg_p05": 8.695934295654297,
  "summary_bg_p95": 185.3048751831054,
  "summary_bg_stdv": 70.76669311523438,
  "summary_fg_k": 3.0047634548012825,
  "summary_fg_mad": 82.54843020545997,
  "summary_fg_mean": 707.26025390625,
  "summary_fg_median": 698.2479248046875,
  "summary_fg_n": 28546.0,
  "summary_fg_p05": 583.6390075683594,
  "summary_fg_p95": 861.908935546875,
  "summary_fg_stdv": 92.00818634033203,
  "tsnr": 56.2430899750907
}