{
  "aor": 0.0003695867768595041,
  "aqi": 0.013808774986225895,
  "bids_meta": {
    "CogAtlasID": "https://www.cognitiveatlas.org/task/id/trm_4c8991fadfe01",
    "DeviceSerialNumber": "45031",
    "DwellTime": 4.9e-06,
    "EchoTime": 0.028,
    "EffectiveEchoSpacing": 0.000355001,
    "FlipAngle": 64,
    "InstitutionAddress": "Washington Rd, Princeton, NJ 08540, USA",
    "InstitutionName": "Princeton University",
    "InstitutionalDepartmentName": "Princeton Neuroscience Institute",
    "MagneticFieldStrength": 3,
    "Manufacturer": "Siemens",
    "ManufacturersModelName": "Skyra",
    "NumberOfVolumesDiscardedByScanner": 3,
    "ParallelReductionFactorInPlane": 2,
    "ParallelReductionType": "GRAPPA",
    "PartialFourier": 1,
    "PhaseEncodingDirection": "j-",
    "PixelBandwidth": 1595,
    "PulseSequenceDetails": "%SiemensSeq%_ep2d_bold",
    "PulseSequenceType": "Gradient Echo EPI",
    "ReceiveCoilActiveElements": "HE1-4",
    "ReceiveCoilName": "HeadNeck_20",
    "RepetitionTime": 1.5,
    "ScanOptions": "FS",
    "ScanningSequence": "EP",
    "SequenceName": "_epfid2d1_64",
    "SequenceVariant": "SK",
    "SliceTiming": [
      0,
      0.7675,
      0.055,
      0.8225,
      0.1075,
      0.875,
      0.1625,
      0.93,
      0.2175,
      0.985,
      0.2725,
      1.04,
      0.3275,
      1.095,
      0.3825,
      1.15,
      0.4375,
      1.205,
      0.4925,
      1.26,
      0.5475,
      1.315,
      0.6025,
      1.37,
      0.6575,
      1.425,
      0.7125
    ],
    "SoftwareVersions": "syngo_MR_D13",
    "StationName": "AWP45031",
    "TaskDescription": "Passively listened to audio story 'sherlock'",
    "TaskName": "sherlock",
    "TotalReadoutTime": 0.022365,
    "dataset": "ds002345",
    "modality": "bold",
    "subject_id": "169",
    "task_id": "sherlock"
  },
  "dummy_trs": 0,
  "dvars_nstd": 23.592327425627587,
  "dvars_std": 1.0989811094206892,
  "dvars_vstd": 0.997593147351723,
  "efc": 0.6140953152115891,
  "fber": 761.8336181640625,
  "fd_mean": 0.1816786749189023,
  "fd_num": 241,
  "fd_perc": 33.19559228650138,
  "fwhm_avg": 1.7325869444444446,
  "fwhm_x": 1.7024133333333333,
  "fwhm_y": 1.94618,
  "fwhm_z": 1.5491675,
  "gcor": 0.0198488,
  "gsr_x": 0.0014720069011673331,
  "gsr_y": 0.04440482333302498,
  "provenance": {
    "md5sum": "3f32656b56c69275534909ffc1508672",
    "settings": {
      "fd_thres": 0.2,
      "testing": false
    },
    "software": "mriqc",
    "version": "22.0.0rc1",
    "webapi_port": null,
    "webapi_url": "https://mriqc.nimh.nih.gov/api/v1"
  },
  "size_t": 726,
  "size_x": 64,
  "size_y": 64,
  "size_z": 27,
  "snr": 7.7239214553202435,
  "spacing_tr": 1.5,
  "spacing_x": 3.0,
  "spacing_y": 3.0,
  "spacing_z": 4.0,
  "summary_bg_k": 17.235744038119826,
  "summary_bg_mad": 19.495402776138576,
  "summary_bg_mean": 48.336971282958984,
  "summary_bg_median": 24.128787994384766,
  "summary_bg_n": 53504.0,
  "summary_bg_p05": 8.732988929748535,
  "summary_bg_p95": 183.12685928344726,
  "summary_bg_stdv": 69.78954315185547,
  "summary_fg_k": 2.8992005792095776,
  "summary_fg_mad": 80.64151635349654,
  "summary_fg_mean": 699.0777587890625,
  "summary_fg_median": 691.0943603515625,
  "summary_fg_n": 28520.0,
  "summary_fg_p05": 578.4598052978515,
  "summary_fg_p95": 847.9046691894531,
  "summary_fg_stdv": 89.47297668457031,
  "tsnr": 55.76249978272244
}