{
  "aor": 0.0024755158184319123,
  "aqi": 0.01714921191196699,
  "bids_meta": {
    "CogAtlasID": "https://www.cognitiveatlas.org/task/id/trm_4c8991fadfe01",
    "DeviceSerialNumber": "45031",
    "DwellTime": 4.9e-06,
    "EchoTime": 0.028,
    "EffectiveEchoSpacing": 0.000355001,
    "FlipAngle": 64,
    "InstitutionAddress": "Washington Rd, Princeton, NJ 08540, USA",
    "InstitutionName": "Princeton University",
    "InstitutionalDepartmentName": "Princeton Neuroscience Institute",
    "MagneticFieldStrength": 3,
    "Manufacturer": "Siemens",
    "ManufacturersModelName": "Skyra",
    "NumberOfVolumesDiscardedByScanner": 3,
    "ParallelReductionFactorInPlane": 2,
    "ParallelReductionType": "GRAPPA",
    "PartialFourier": 1,
    "PhaseEncodingDirection": "j-",
    "PixelBandwidth": 1595,
    "PulseSequenceDetails": "%SiemensSeq%_ep2d_bold",
    "PulseSequenceType": "Gradient Echo EPI",
    "ReceiveCoilActiveElements": "HE1-4",
    "ReceiveCoilName": "HeadNeck_20",
    "RepetitionTime": 1.5,
    "ScanOptions": "FS",
    "ScanningSequence": "EP",
    "SequenceName": "_epfid2d1_64",
    "SequenceVariant": "SK",
    "SliceTiming": [
      0,
      0.7675,
      0.055,
      0.8225,
      0.1075,
      0.875,
      0.1625,
      0.93,
      0.2175,
      0.985,
      0.2725,
      1.04,
      0.3275,
      1.095,
      0.3825,
      1.15,
      0.4375,
      1.205,
      0.4925,
      1.26,
      0.5475,
      1.315,
      0.6025,
      1.37,
      0.6575,
      1.425,
      0.7125
    ],
    "SoftwareVersions": "syngo_MR_D13",
    "StationName": "AWP45031",
    "TaskDescription": "Passively listened to audio story 'sherlock'",
    "TaskName": "sherlock",
    "TotalReadoutTime": 0.022365,
    "dataset": "ds002345",
    "modality": "bold",
    "subject_id": "178",
    "task_id": "sherlock"
  },
  "dummy_trs": 0,
  "dvars_nstd": 22.13433729644629,
  "dvars_std": 1.155234980619834,
  "dvars_vstd": 0.9683322349035809,
  "efc": 0.6385636953597427,
  "fber": 1233.1419677734375,
  "fd_mean": 0.10382526369825958,
  "fd_num": 39,
  "fd_perc": 5.364511691884457,
  "fwhm_avg": 1.775666111111111,
  "fwhm_x": 1.7847633333333333,
  "fwhm_y": 2.03115,
  "fwhm_z": 1.511085,
  "gcor": 0.0161565,
  "gsr_x": -0.007290949113667011,
  "gsr_y": 0.050069745630025864,
  "provenance": {
    "md5sum": "ac898eabd387c932252ccca908976b2c",
    "settings": {
      "fd_thres": 0.2,
      "testing": false
    },
    "software": "mriqc",
    "version": "22.0.0rc1",
    "webapi_port": null,
    "webapi_url": "https://mriqc.nimh.nih.gov/api/v1"
  },
  "size_t": 727,
  "size_x": 64,
  "size_y": 64,
  "size_z": 27,
  "snr": 6.933902585647279,
  "spacing_tr": 1.5,
  "spacing_x": 3.0,
  "spacing_y": 3.0,
  "spacing_z": 4.0,
  "summary_bg_k": 17.402617155835653,
  "summary_bg_mad": 19.14738907522452,
  "summary_bg_mean": 66.49585723876953,
  "summary_bg_median": 22.364511489868164,
  "summary_bg_n": 50308.0,
  "summary_bg_p05": 7.768019390106201,
  "summary_bg_p95": 277.21651153564443,
  "summary_bg_stdv": 103.73526000976562,
  "summary_fg_k": 2.391041850486806,
  "summary_fg_mad": 110.15922704481393,
  "summary_fg_mean": 828.2283935546875,
  "summary_fg_median": 820.09765625,
  "summary_fg_n": 31259.0,
  "summary_fg_p05": 661.7408447265625,
  "summary_fg_p95": 1021.9165222167968,
  "summary_fg_stdv": 118.27171325683594,
  "tsnr": 52.17303117038682
}