{
  "aor": 0.0009366153846153846,
  "aqi": 0.005152274179487179,
  "bids_meta": {
    "AcquisitionMatrixPE": 96,
    "BandwidthPerPixelPhaseEncode": 20.425,
    "BaseResolution": 96,
    "BodyPartExamined": "BRAIN",
    "ConsistencyInfo": "N4_VE11C_LATEST_20160120",
    "ConversionSoftware": "dcm2niix",
    "ConversionSoftwareVersion": "v1.0.20180328 GCC6.3.0",
    "DerivedVendorReportedEchoSpacing": 0.000509996,
    "DeviceSerialNumber": "66018",
    "DwellTime": 2.1e-06,
    "EchoTime": 0.031,
    "EchoTrainLength": 96,
    "EffectiveEchoSpacing": 0.000509996,
    "FlipAngle": 67,
    "ImageOrientationPatientDICOM": [
      1,
      0,
      0,
      0,
      1,
      0
    ],
    "ImageType": [
      "ORIGINAL",
      "PRIMARY",
      "M",
      "ND",
      "NORM",
      "MOSAIC"
    ],
    "InPlanePhaseEncodingDirectionDICOM": "COL",
    "InstitutionAddress": "Washington Rd, Princeton, NJ 08540, USA",
    "InstitutionName": "Princeton University",
    "InstitutionalDepartmentName": "Princeton Neuroscience Institute",
    "MRAcquisitionType": "2D",
    "MagneticFieldStrength": 3,
    "Manufacturer": "Siemens",
    "ManufacturersModelName": "Prisma",
    "Modality": "MR",
    "MultibandAccelerationFactor": 3,
    "NumberOfVolumesDiscardedByScanner": 3,
    "PartialFourier": 1,
    "PatientPosition": "HFS",
    "PercentPhaseFOV": 100,
    "PhaseEncodingDirection": "j-",
    "PhaseEncodingSteps": 96,
    "PhaseResolution": 1,
    "PixelBandwidth": 2480,
    "ProcedureStepDescription": "Hasson_Nastase_042518_Storyteller",
    "ProtocolName": "func_task-bronx",
    "PulseSequenceDetails": "%SiemensSeq%_ep2d_bold",
    "ReceiveCoilActiveElements": "HC1-7;NC1",
    "ReceiveCoilName": "HeadNeck_64",
    "ReconMatrixPE": 96,
    "RepetitionTime": 1.5,
    "SAR": 0.0464927,
    "ScanOptions": "FS",
    "ScanningSequence": "EP",
    "SequenceName": "_epfid2d1_96",
    "SequenceVariant": "SK",
    "SeriesDescription": "func_task-bronx",
    "SeriesNumber": 9,
    "ShimSetting": [
      781,
      559,
      2056,
      633,
      -29,
      130,
      93,
      -37
    ],
    "SliceThickness": 2.5,
    "SliceTiming": [
      1.11,
      0,
      0.74,
      0.0925,
      0.8325,
      0.185,
      0.925,
      0.2775,
      1.0175,
      0.4625,
      1.2025,
      0.555,
      1.295,
      0.6475,
      1.3875,
      0.37,
      1.11,
      0,
      0.74,
      0.0925,
      0.8325,
      0.185,
      0.925,
      0.2775,
      1.0175,
      0.4625,
      1.2025,
      0.555,
      1.295,
      0.6475,
      1.3875,
      0.37,
      1.11,
      0,
      0.74,
      0.0925,
      0.8325,
      0.185,
      0.925,
      0.2775,
      1.0175,
      0.4625,
      1.2025,
      0.555,
      1.295,
      0.6475,
      1.3875,
      0.37
    ],
    "SoftwareVersions": "syngo_MR_E11",
    "SpacingBetweenSlices": 2.5,
    "StationName": "AWP66018",
    "TaskDescription": "Passively listened to audio story 'bronx'",
    "TaskName": "bronx",
    "TotalReadoutTime": 0.0484496,
    "TxRefAmp": 230.712,
    "dataset": "ds002345",
    "modality": "bold",
    "subject_id": "288",
    "task_id": "bronx"
  },
  "dummy_trs": 0,
  "dvars_nstd": 23.94164761056554,
  "dvars_std": 1.2195988335218517,
  "dvars_vstd": 1.0179573213881759,
  "efc": 0.45017581841596194,
  "fber": 4256.98388671875,
  "fd_mean": 0.08317995388980975,
  "fd_num": 5,
  "fd_perc": 1.2820512820512822,
  "fwhm_avg": 1.8907386666666666,
  "fwhm_x": 1.80254,
  "fwhm_y": 2.044232,
  "fwhm_z": 1.8254439999999998,
  "gcor": 0.0115105,
  "gsr_x": -0.017818722873926163,
  "gsr_y": 0.021253539249300957,
  "provenance": {
    "md5sum": "b71e0dcc9d6ea1f25c7086215ffcc7c2",
    "settings": {
      "fd_thres": 0.2,
      "testing": false
    },
    "software": "mriqc",
    "version": "22.0.0rc1",
    "webapi_port": null,
    "webapi_url": "https://mriqc.nimh.nih.gov/api/v1"
  },
  "size_t": 390,
  "size_x": 96,
  "size_y": 96,
  "size_z": 48,
  "snr": 5.920758352802846,
  "spacing_tr": 1.5,
  "spacing_x": 2.5,
  "spacing_y": 2.5,
  "spacing_z": 2.5,
  "summary_bg_k": 33.130748252174754,
  "summary_bg_mad": 6.325769088578659,
  "summary_bg_mean": 25.287397384643555,
  "summary_bg_median": 10.574358940124512,
  "summary_bg_n": 315625.0,
  "summary_bg_p05": 4.925641059875488,
  "summary_bg_p95": 100.43538513183591,
  "summary_bg_stdv": 47.16802978515625,
  "summary_fg_k": 2.1501640107767344,
  "summary_fg_mad": 108.99026614035499,
  "summary_fg_mean": 698.4441528320312,
  "summary_fg_median": 695.6410522460938,
  "summary_fg_n": 65705.0,
  "summary_fg_p05": 528.8641357421875,
  "summary_fg_p95": 887.8374755859375,
  "summary_fg_stdv": 117.4909896850586,
  "tsnr": 72.66265750979073
}