{
  "aor": 0.0011226190476190476,
  "aqi": 0.0053216409183673465,
  "bids_meta": {
    "AcquisitionMatrixPE": 96,
    "BandwidthPerPixelPhaseEncode": 20.425,
    "BaseResolution": 96,
    "BodyPartExamined": "BRAIN",
    "ConsistencyInfo": "N4_VE11C_LATEST_20160120",
    "ConversionSoftware": "dcm2niix",
    "ConversionSoftwareVersion": "v1.0.20180328 GCC6.3.0",
    "DerivedVendorReportedEchoSpacing": 0.000509996,
    "DeviceSerialNumber": "66018",
    "DwellTime": 2.1e-06,
    "EchoTime": 0.031,
    "EchoTrainLength": 96,
    "EffectiveEchoSpacing": 0.000509996,
    "FlipAngle": 67,
    "ImageOrientationPatientDICOM": [
      1,
      0,
      0,
      0,
      1,
      0
    ],
    "ImageType": [
      "ORIGINAL",
      "PRIMARY",
      "M",
      "ND",
      "NORM",
      "MOSAIC"
    ],
    "InPlanePhaseEncodingDirectionDICOM": "COL",
    "InstitutionAddress": "Washington Rd, Princeton, NJ 08540, USA",
    "InstitutionName": "Princeton University",
    "InstitutionalDepartmentName": "Princeton Neuroscience Institute",
    "MRAcquisitionType": "2D",
    "MagneticFieldStrength": 3,
    "Manufacturer": "Siemens",
    "ManufacturersModelName": "Prisma",
    "Modality": "MR",
    "MultibandAccelerationFactor": 3,
    "NumberOfVolumesDiscardedByScanner": 3,
    "PartialFourier": 1,
    "PatientPosition": "HFS",
    "PercentPhaseFOV": 100,
    "PhaseEncodingDirection": "j-",
    "PhaseEncodingSteps": 96,
    "PhaseResolution": 1,
    "PixelBandwidth": 2480,
    "ProcedureStepDescription": "Hasson_Nastase_042518_Storyteller",
    "ProtocolName": "func_task-pieman",
    "PulseSequenceDetails": "%SiemensSeq%_ep2d_bold",
    "ReceiveCoilActiveElements": "HC1-7;NC1",
    "ReceiveCoilName": "HeadNeck_64",
    "ReconMatrixPE": 96,
    "RepetitionTime": 1.5,
    "SAR": 0.0464648,
    "ScanOptions": "FS",
    "ScanningSequence": "EP",
    "SequenceName": "_epfid2d1_96",
    "SequenceVariant": "SK",
    "SeriesDescription": "func_task-pieman",
    "SeriesNumber": 8,
    "ShimSetting": [
      781,
      559,
      2056,
      633,
      -29,
      130,
      93,
      -37
    ],
    "SliceThickness": 2.5,
    "SliceTiming": [
      1.11,
      0,
      0.74,
      0.0925,
      0.8325,
      0.185,
      0.925,
      0.2775,
      1.0175,
      0.4625,
      1.2025,
      0.555,
      1.295,
      0.6475,
      1.3875,
      0.37,
      1.11,
      0,
      0.74,
      0.0925,
      0.8325,
      0.185,
      0.925,
      0.2775,
      1.0175,
      0.4625,
      1.2025,
      0.555,
      1.295,
      0.6475,
      1.3875,
      0.37,
      1.11,
      0,
      0.74,
      0.0925,
      0.8325,
      0.185,
      0.925,
      0.2775,
      1.0175,
      0.4625,
      1.2025,
      0.555,
      1.295,
      0.6475,
      1.3875,
      0.37
    ],
    "SoftwareVersions": "syngo_MR_E11",
    "SpacingBetweenSlices": 2.5,
    "StationName": "AWP66018",
    "TaskDescription": "Passively listened to audio story 'piemanpni'",
    "TaskName": "piemanpni",
    "TotalReadoutTime": 0.0484496,
    "TxRefAmp": 230.712,
    "dataset": "ds002345",
    "modality": "bold",
    "subject_id": "288",
    "task_id": "piemanpni"
  },
  "dummy_trs": 0,
  "dvars_nstd": 24.050434620546074,
  "dvars_std": 1.2314786983276447,
  "dvars_vstd": 1.019470211843004,
  "efc": 0.4499665024886978,
  "fber": 4270.85693359375,
  "fd_mean": 0.06745919308607343,
  "fd_num": 2,
  "fd_perc": 0.6802721088435374,
  "fwhm_avg": 1.8889306666666663,
  "fwhm_x": 1.79578,
  "fwhm_y": 2.0406839999999997,
  "fwhm_z": 1.8303280000000002,
  "gcor": 0.0191688,
  "gsr_x": -0.01820162497460842,
  "gsr_y": 0.02102583646774292,
  "provenance": {
    "md5sum": "23636df27143b6abc292f38718977ae6",
    "settings": {
      "fd_thres": 0.2,
      "testing": false
    },
    "software": "mriqc",
    "version": "22.0.0rc1",
    "webapi_port": null,
    "webapi_url": "https://mriqc.nimh.nih.gov/api/v1"
  },
  "size_t": 294,
  "size_x": 96,
  "size_y": 96,
  "size_z": 48,
  "snr": 5.926907385473769,
  "spacing_tr": 1.5,
  "spacing_x": 2.5,
  "spacing_y": 2.5,
  "spacing_z": 2.5,
  "summary_bg_k": 32.607806988308965,
  "summary_bg_mad": 6.369137539265222,
  "summary_bg_mean": 25.283233642578125,
  "summary_bg_median": 10.585033416748047,
  "summary_bg_n": 315686.0,
  "summary_bg_p05": 4.925169944763184,
  "summary_bg_p95": 100.23554039001465,
  "summary_bg_stdv": 46.89071273803711,
  "summary_fg_k": 2.1958130205572237,
  "summary_fg_mad": 109.14016424673649,
  "summary_fg_mean": 700.9902954101562,
  "summary_fg_median": 697.93701171875,
  "summary_fg_n": 65576.0,
  "summary_fg_p05": 531.6581573486328,
  "summary_fg_p95": 890.6071319580078,
  "summary_fg_stdv": 117.7564697265625,
  "tsnr": 71.3294000623282
}