{
  "aor": 0.0005616939890710383,
  "aqi": 0.006019976958105647,
  "bids_meta": {
    "AcquisitionMatrixPE": 96,
    "BandwidthPerPixelPhaseEncode": 20.425,
    "BaseResolution": 96,
    "BodyPartExamined": "BRAIN",
    "ConsistencyInfo": "N4_VE11C_LATEST_20160120",
    "ConversionSoftware": "dcm2niix",
    "ConversionSoftwareVersion": "v1.0.20180328 GCC6.3.0",
    "DerivedVendorReportedEchoSpacing": 0.000509996,
    "DeviceSerialNumber": "66018",
    "DwellTime": 2.1e-06,
    "EchoTime": 0.031,
    "EchoTrainLength": 96,
    "EffectiveEchoSpacing": 0.000509996,
    "FlipAngle": 67,
    "ImageOrientationPatientDICOM": [
      1,
      0,
      0,
      0,
      1,
      0
    ],
    "ImageType": [
      "ORIGINAL",
      "PRIMARY",
      "M",
      "ND",
      "NORM",
      "MOSAIC"
    ],
    "InPlanePhaseEncodingDirectionDICOM": "COL",
    "InstitutionAddress": "Washington Rd, Princeton, NJ 08540, USA",
    "InstitutionName": "Princeton University",
    "InstitutionalDepartmentName": "Princeton Neuroscience Institute",
    "MRAcquisitionType": "2D",
    "MagneticFieldStrength": 3,
    "Manufacturer": "Siemens",
    "ManufacturersModelName": "Prisma",
    "Modality": "MR",
    "MultibandAccelerationFactor": 3,
    "NumberOfVolumesDiscardedByScanner": 3,
    "PartialFourier": 1,
    "PatientPosition": "HFS",
    "PercentPhaseFOV": 100,
    "PhaseEncodingDirection": "j-",
    "PhaseEncodingSteps": 96,
    "PhaseResolution": 1,
    "PixelBandwidth": 2480,
    "ProcedureStepDescription": "Hasson_Nastase_042518_Storyteller",
    "ProtocolName": "func_task-black",
    "PulseSequenceDetails": "%SiemensSeq%_ep2d_bold",
    "ReceiveCoilActiveElements": "HC1-7;NC1",
    "ReceiveCoilName": "HeadNeck_64",
    "ReconMatrixPE": 96,
    "RepetitionTime": 1.5,
    "SAR": 0.0465177,
    "ScanOptions": "FS",
    "ScanningSequence": "EP",
    "SequenceName": "_epfid2d1_96",
    "SequenceVariant": "SK",
    "SeriesDescription": "func_task-black",
    "SeriesNumber": 11,
    "ShimSetting": [
      781,
      559,
      2056,
      633,
      -29,
      130,
      93,
      -37
    ],
    "SliceThickness": 2.5,
    "SliceTiming": [
      1.1075,
      0,
      0.7375,
      0.0925,
      0.83,
      0.185,
      0.9225,
      0.2775,
      1.015,
      0.46,
      1.2,
      0.5525,
      1.2925,
      0.645,
      1.385,
      0.37,
      1.1075,
      0,
      0.7375,
      0.0925,
      0.83,
      0.185,
      0.9225,
      0.2775,
      1.015,
      0.46,
      1.2,
      0.5525,
      1.2925,
      0.645,
      1.385,
      0.37,
      1.1075,
      0,
      0.7375,
      0.0925,
      0.83,
      0.185,
      0.9225,
      0.2775,
      1.015,
      0.46,
      1.2,
      0.5525,
      1.2925,
      0.645,
      1.385,
      0.37
    ],
    "SoftwareVersions": "syngo_MR_E11",
    "SpacingBetweenSlices": 2.5,
    "StationName": "AWP66018",
    "TaskDescription": "Passively listened to audio story 'black'",
    "TaskName": "black",
    "TotalReadoutTime": 0.0484496,
    "TxRefAmp": 230.712,
    "dataset": "ds002345",
    "modality": "bold",
    "subject_id": "288",
    "task_id": "black"
  },
  "dummy_trs": 1,
  "dvars_nstd": 24.389024177591246,
  "dvars_std": 1.192560657919708,
  "dvars_vstd": 1.001858673193432,
  "efc": 0.45112114256662633,
  "fber": 4176.9677734375,
  "fd_mean": 0.10344819949033135,
  "fd_num": 33,
  "fd_perc": 6.0109289617486334,
  "fwhm_avg": 1.9033133333333332,
  "fwhm_x": 1.8121759999999998,
  "fwhm_y": 2.061812,
  "fwhm_z": 1.835952,
  "gcor": 0.0138783,
  "gsr_x": -0.01799204759299755,
  "gsr_y": 0.021794283762574196,
  "provenance": {
    "md5sum": "7caf53fba6932f36c0748055266dd32f",
    "settings": {
      "fd_thres": 0.2,
      "testing": false
    },
    "software": "mriqc",
    "version": "22.0.0rc1",
    "webapi_port": null,
    "webapi_url": "https://mriqc.nimh.nih.gov/api/v1"
  },
  "size_t": 549,
  "size_x": 96,
  "size_y": 96,
  "size_z": 48,
  "snr": 5.9036221842098,
  "spacing_tr": 1.5,
  "spacing_x": 2.5,
  "spacing_y": 2.5,
  "spacing_z": 2.5,
  "summary_bg_k": 32.34508421655138,
  "summary_bg_mad": 6.3314410272836605,
  "summary_bg_mean": 25.530765533447266,
  "summary_bg_median": 10.594717979431152,
  "summary_bg_n": 315770.0,
  "summary_bg_p05": 4.90346097946167,
  "summary_bg_p95": 102.59016418457031,
  "summary_bg_stdv": 47.61615753173828,
  "summary_fg_k": 2.0762440266822484,
  "summary_fg_mad": 108.9779593836584,
  "summary_fg_mean": 693.5379028320312,
  "summary_fg_median": 690.8196411132812,
  "summary_fg_n": 65568.0,
  "summary_fg_p05": 524.5619995117188,
  "summary_fg_p95": 882.1005462646483,
  "summary_fg_stdv": 117.01534271240234,
  "tsnr": 67.46078100684099
}