{
  "aor": 0.0002519686411149826,
  "aqi": 0.011209647578397212,
  "bids_meta": {
    "AcquisitionMatrixPE": 96,
    "BandwidthPerPixelPhaseEncode": 20.425,
    "BaseResolution": 96,
    "BodyPartExamined": "BRAIN",
    "ConsistencyInfo": "N4_VE11C_LATEST_20160120",
    "ConversionSoftware": "dcm2niix",
    "ConversionSoftwareVersion": "v1.0.20180328 GCC6.3.0",
    "DerivedVendorReportedEchoSpacing": 0.000509996,
    "DeviceSerialNumber": "66018",
    "DwellTime": 2.1e-06,
    "EchoTime": 0.031,
    "EchoTrainLength": 96,
    "EffectiveEchoSpacing": 0.000509996,
    "FlipAngle": 67,
    "ImageOrientationPatientDICOM": [
      1,
      0,
      0,
      0,
      1,
      0
    ],
    "ImageType": [
      "ORIGINAL",
      "PRIMARY",
      "M",
      "ND",
      "NORM",
      "MOSAIC"
    ],
    "InPlanePhaseEncodingDirectionDICOM": "COL",
    "InstitutionAddress": "Washington Rd, Princeton, NJ 08540, USA",
    "InstitutionName": "Princeton University",
    "InstitutionalDepartmentName": "Princeton Neuroscience Institute",
    "MRAcquisitionType": "2D",
    "MagneticFieldStrength": 3,
    "Manufacturer": "Siemens",
    "ManufacturersModelName": "Prisma",
    "Modality": "MR",
    "MultibandAccelerationFactor": 3,
    "NumberOfVolumesDiscardedByScanner": 3,
    "PartialFourier": 1,
    "PatientPosition": "HFS",
    "PercentPhaseFOV": 100,
    "PhaseEncodingDirection": "j-",
    "PhaseEncodingSteps": 96,
    "PhaseResolution": 1,
    "PixelBandwidth": 2480,
    "ProcedureStepDescription": "Hasson_Nastase_042518_Storyteller",
    "ProtocolName": "func_task-forgot",
    "PulseSequenceDetails": "%SiemensSeq%_ep2d_bold",
    "ReceiveCoilActiveElements": "HC1-7;NC1",
    "ReceiveCoilName": "HeadNeck_64",
    "ReconMatrixPE": 96,
    "RepetitionTime": 1.5,
    "SAR": 0.0465202,
    "ScanOptions": "FS",
    "ScanningSequence": "EP",
    "SequenceName": "_epfid2d1_96",
    "SequenceVariant": "SK",
    "SeriesDescription": "func_task-forgot",
    "SeriesNumber": 10,
    "ShimSetting": [
      781,
      559,
      2056,
      633,
      -29,
      130,
      93,
      -37
    ],
    "SliceThickness": 2.5,
    "SliceTiming": [
      1.11,
      0,
      0.74,
      0.0925,
      0.8325,
      0.185,
      0.925,
      0.2775,
      1.0175,
      0.4625,
      1.2025,
      0.555,
      1.295,
      0.6475,
      1.3875,
      0.37,
      1.11,
      0,
      0.74,
      0.0925,
      0.8325,
      0.185,
      0.925,
      0.2775,
      1.0175,
      0.4625,
      1.2025,
      0.555,
      1.295,
      0.6475,
      1.3875,
      0.37,
      1.11,
      0,
      0.74,
      0.0925,
      0.8325,
      0.185,
      0.925,
      0.2775,
      1.0175,
      0.4625,
      1.2025,
      0.555,
      1.295,
      0.6475,
      1.3875,
      0.37
    ],
    "SoftwareVersions": "syngo_MR_E11",
    "SpacingBetweenSlices": 2.5,
    "StationName": "AWP66018",
    "TaskDescription": "Passively listened to audio story 'forgot'",
    "TaskName": "forgot",
    "TotalReadoutTime": 0.0484496,
    "TxRefAmp": 230.712,
    "dataset": "ds002345",
    "modality": "bold",
    "subject_id": "288",
    "task_id": "forgot"
  },
  "dummy_trs": 0,
  "dvars_nstd": 23.555125754153583,
  "dvars_std": 1.103432918516578,
  "dvars_vstd": 0.9464198190226871,
  "efc": 0.4509944179097315,
  "fber": 4213.4326171875,
  "fd_mean": 0.09004011941407758,
  "fd_num": 11,
  "fd_perc": 1.916376306620209,
  "fwhm_avg": 1.9022400000000002,
  "fwhm_x": 1.80934,
  "fwhm_y": 2.055724,
  "fwhm_z": 1.841656,
  "gcor": 0.0113497,
  "gsr_x": -0.018004512414336205,
  "gsr_y": 0.021523041650652885,
  "provenance": {
    "md5sum": "ff873bf6b4d1490da6b4f356872a0e24",
    "settings": {
      "fd_thres": 0.2,
      "testing": false
    },
    "software": "mriqc",
    "version": "22.0.0rc1",
    "webapi_port": null,
    "webapi_url": "https://mriqc.nimh.nih.gov/api/v1"
  },
  "size_t": 574,
  "size_x": 96,
  "size_y": 96,
  "size_z": 48,
  "snr": 5.919892340087512,
  "spacing_tr": 1.5,
  "spacing_x": 2.5,
  "spacing_y": 2.5,
  "spacing_z": 2.5,
  "summary_bg_k": 32.976046891950084,
  "summary_bg_mad": 6.312683262150943,
  "summary_bg_mean": 25.389751434326172,
  "summary_bg_median": 10.585366249084473,
  "summary_bg_n": 315567.0,
  "summary_bg_p05": 4.935540199279785,
  "summary_bg_p95": 101.31898880004888,
  "summary_bg_stdv": 47.3030891418457,
  "summary_fg_k": 2.1109953311383887,
  "summary_fg_mad": 108.4611208478311,
  "summary_fg_mean": 696.0545654296875,
  "summary_fg_median": 693.171630859375,
  "summary_fg_n": 65756.0,
  "summary_fg_p05": 526.8893890380859,
  "summary_fg_p95": 885.2739410400391,
  "summary_fg_stdv": 117.0910415649414,
  "tsnr": 58.91455089091323
}