{
  "aor": 0.0014373513513513513,
  "aqi": 0.00673144318918919,
  "bids_meta": {
    "CogAtlasID": "https://www.cognitiveatlas.org/task/id/trm_4c8991fadfe01",
    "DeviceSerialNumber": "45031",
    "DwellTime": 5.4e-06,
    "EchoTime": 0.028,
    "EffectiveEchoSpacing": 0.000390001,
    "FlipAngle": 64,
    "InstitutionAddress": "Washington Rd, Princeton, NJ 08540, USA",
    "InstitutionName": "Princeton University",
    "InstitutionalDepartmentName": "Princeton Neuroscience Institute",
    "MagneticFieldStrength": 3,
    "Manufacturer": "Siemens",
    "ManufacturersModelName": "Skyra",
    "NumberOfVolumesDiscardedByScanner": 3,
    "ParallelReductionFactorInPlane": 2,
    "ParallelReductionType": "GRAPPA",
    "PartialFourier": 1,
    "PhaseEncodingDirection": "j-",
    "PixelBandwidth": 1445,
    "PulseSequenceDetails": "%SiemensSeq%_ep2d_bold",
    "PulseSequenceType": "Gradient Echo EPI",
    "ReceiveCoilActiveElements": "HE1-4",
    "ReceiveCoilName": "HeadNeck_20",
    "RepetitionTime": 1.5,
    "ScanOptions": "FS",
    "ScanningSequence": "EP",
    "SequenceName": "_epfid2d1_64",
    "SequenceVariant": "SK",
    "SliceTiming": [
      0,
      0.7775,
      0.0575,
      0.835,
      0.1125,
      0.89,
      0.1675,
      0.945,
      0.2225,
      1,
      0.28,
      1.0575,
      0.335,
      1.1125,
      0.39,
      1.1675,
      0.445,
      1.2225,
      0.5,
      1.2775,
      0.5575,
      1.335,
      0.6125,
      1.39,
      0.6675,
      1.445,
      0.7225
    ],
    "SoftwareVersions": "syngo_MR_D11",
    "StationName": "AWP45031",
    "TaskDescription": "Passively listened to audio story 'lucy'",
    "TaskName": "lucy",
    "TotalReadoutTime": 0.0245701,
    "dataset": "ds002345",
    "modality": "bold",
    "subject_id": "074",
    "task_id": "lucy"
  },
  "dummy_trs": 0,
  "dvars_nstd": 20.571985787533876,
  "dvars_std": 1.2471069127371266,
  "dvars_vstd": 1.018103547344173,
  "efc": 0.6168776030527793,
  "fber": 1518.2593994140625,
  "fd_mean": 0.1482236577528987,
  "fd_num": 70,
  "fd_perc": 18.91891891891892,
  "fwhm_avg": 1.8328225666271727,
  "fwhm_x": 1.79751,
  "fwhm_y": 2.0242299999999998,
  "fwhm_z": 1.6767276998815177,
  "gcor": 0.0445757,
  "gsr_x": -0.0007348581566475332,
  "gsr_y": 0.034443940967321396,
  "provenance": {
    "md5sum": "d780b45f9399443146b43a52a605073d",
    "settings": {
      "fd_thres": 0.2,
      "testing": false
    },
    "software": "mriqc",
    "version": "21.0.0rc2",
    "webapi_port": null,
    "webapi_url": "https://mriqc.nimh.nih.gov/api/v1"
  },
  "size_t": 370,
  "size_x": 64,
  "size_y": 64,
  "size_z": 27,
  "snr": 7.018615853196078,
  "spacing_tr": 1.5,
  "spacing_x": 3.0,
  "spacing_y": 3.0,
  "spacing_z": 3.999999523162842,
  "summary_bg_k": 17.506699317050884,
  "summary_bg_mad": 15.126550808201472,
  "summary_bg_mean": 47.11540985107422,
  "summary_bg_median": 18.727027893066406,
  "summary_bg_n": 50899.0,
  "summary_bg_p05": 6.805405616760254,
  "summary_bg_p95": 195.03190155029293,
  "summary_bg_stdv": 77.9420394897461,
  "summary_fg_k": 1.4589401297567735,
  "summary_fg_mad": 105.06441075414607,
  "summary_fg_mean": 784.1104125976562,
  "summary_fg_median": 775.0270385742188,
  "summary_fg_n": 30273.0,
  "summary_fg_p05": 627.054052734375,
  "summary_fg_p95": 973.0751708984375,
  "summary_fg_stdv": 110.42266082763672,
  "tsnr": 74.3091070925584
}