{
  "bids_meta": {
    "DeviceSerialNumber": "45031",
    "DwellTime": 8.2e-06,
    "EchoTime": 0.00308,
    "FlipAngle": 9,
    "InstitutionAddress": "Washington Rd, Princeton, NJ 08540, USA",
    "InstitutionName": "Princeton University",
    "InstitutionalDepartmentName": "Princeton Neuroscience Institute",
    "InversionTime": 0.9,
    "MagneticFieldStrength": 3,
    "Manufacturer": "Siemens",
    "ManufacturersModelName": "Skyra",
    "ParallelReductionFactorInPlane": 2,
    "ParallelReductionType": "GRAPPA",
    "PartialFourier": 1,
    "PixelBandwidth": 240,
    "PulseSequenceDetails": "%SiemensSeq%_tfl",
    "PulseSequenceType": "MPRAGE",
    "ReceiveCoilActiveElements": "HE1-4",
    "ReceiveCoilName": "HeadNeck_20",
    "RepetitionTime": 2.3,
    "ScanOptions": "IR",
    "ScanningSequence": "GR_IR",
    "SequenceName": "_tfl3d1_16ns",
    "SequenceVariant": "SK_SP_MP",
    "SoftwareVersions": "syngo_MR_E11",
    "StationName": "AWP45031",
    "dataset": "ds002345",
    "modality": "T1w",
    "subject_id": "119"
  },
  "cjv": 0.47940650657764017,
  "cnr": 2.7920977767423696,
  "efc": 0.6577775416502863,
  "fber": 921.5427786982249,
  "fwhm_avg": 3.224929895959374,
  "fwhm_x": 3.2791998696963045,
  "fwhm_y": 3.361489454545455,
  "fwhm_z": 3.0341003636363637,
  "icvs_csf": 0.15876226431830043,
  "icvs_gm": 0.4480930767893132,
  "icvs_wm": 0.3931446588923864,
  "inu_med": 1.6134065389633179,
  "inu_range": 0.6443740904331208,
  "provenance": {
    "md5sum": "c8c199a4c7d28c3b60e091b905a34fba",
    "settings": {
      "testing": false
    },
    "software": "mriqc",
    "version": "22.0.0rc1",
    "warnings": {
      "large_rot_frame": true,
      "small_air_mask": false
    },
    "webapi_port": null,
    "webapi_url": "https://mriqc.nimh.nih.gov/api/v1"
  },
  "qi_1": 0.0,
  "qi_2": 0.0031551809199345505,
  "rpve_csf": 25.057141594750973,
  "rpve_gm": 10.290360390412548,
  "rpve_wm": 13.60626932578571,
  "size_x": 192,
  "size_y": 256,
  "size_z": 256,
  "snr_csf": 2.0206623564293804,
  "snr_gm": 8.730544601901258,
  "snr_total": 8.63451737944479,
  "snr_wm": 15.152345180003726,
  "snrd_csf": 17.955034822210454,
  "snrd_gm": 39.36405240994886,
  "snrd_total": 37.68976264215186,
  "snrd_wm": 55.75020069429627,
  "spacing_x": 0.9000000357627869,
  "spacing_y": 0.859375,
  "spacing_z": 0.859375,
  "summary_bg_k": 2.9006942130217137,
  "summary_bg_mad": 11.752136890915123,
  "summary_bg_mean": 20.81781492865249,
  "summary_bg_median": 18.398661069571972,
  "summary_bg_n": 2577782.0,
  "summary_bg_p05": 2.763435259461403,
  "summary_bg_p95": 46.76023346930742,
  "summary_bg_stdv": 13.620613200516255,
  "summary_csf_k": 22.972608168871993,
  "summary_csf_mad": 124.31388839656088,
  "summary_csf_mean": 358.9869595746707,
  "summary_csf_median": 322.0856516882777,
  "summary_csf_n": 12184.0,
  "summary_csf_p05": 184.51748115345836,
  "summary_csf_p95": 609.6792680196464,
  "summary_csf_stdv": 159.38953523142732,
  "summary_gm_k": 0.3387439233575047,
  "summary_gm_mad": 77.19752306325897,
  "summary_gm_mean": 710.9265702940384,
  "summary_gm_median": 706.1304307729006,
  "summary_gm_n": 37902.0,
  "summary_gm_p05": 586.1427990268916,
  "summary_gm_p95": 853.6106072515249,
  "summary_gm_stdv": 80.8793892816676,
  "summary_wm_k": 0.3257117156998057,
  "summary_wm_mad": 63.72030185808108,
  "summary_wm_mean": 998.7872075486245,
  "summary_wm_median": 1000.0726760029793,
  "summary_wm_n": 313598.0,
  "summary_wm_p05": 887.6444941312075,
  "summary_wm_p95": 1104.283274076879,
  "summary_wm_stdv": 66.00107571517614,
  "tpm_overlap_csf": 0.18823759257793427,
  "tpm_overlap_gm": 0.46166616678237915,
  "tpm_overlap_wm": 0.5026664733886719,
  "wm2max": 0.48927313480627604
}