{
  "bids_meta": {
    "AcquisitionMatrixPE": 256,
    "BaseResolution": 256,
    "BodyPartExamined": "BRAIN",
    "ConsistencyInfo": "N4_VE11C_LATEST_20160120",
    "ConversionSoftware": "dcm2niix",
    "ConversionSoftwareVersion": "v1.0.20180328 GCC6.3.0",
    "DeviceSerialNumber": "66018",
    "DwellTime": 9.8e-06,
    "EchoTime": 0.0033,
    "FlipAngle": 7,
    "ImageOrientationPatientDICOM": [
      0,
      1,
      0,
      0,
      0,
      -1
    ],
    "ImageType": [
      "ORIGINAL",
      "PRIMARY",
      "M",
      "ND",
      "NORM"
    ],
    "InPlanePhaseEncodingDirectionDICOM": "ROW",
    "InstitutionAddress": "Washington Rd, Princeton, NJ 08540, USA",
    "InstitutionName": "Princeton University",
    "InstitutionalDepartmentName": "Princeton Neuroscience Institute",
    "InversionTime": 1.1,
    "MRAcquisitionType": "3D",
    "MagneticFieldStrength": 3,
    "Manufacturer": "Siemens",
    "ManufacturersModelName": "Prisma",
    "Modality": "MR",
    "ParallelReductionFactorInPlane": 2,
    "ParallelReductionType": "GRAPPA",
    "PartialFourier": 1,
    "PatientPosition": "HFS",
    "PercentPhaseFOV": 100,
    "PhaseEncodingSteps": 255,
    "PhaseResolution": 1,
    "PixelBandwidth": 200,
    "ProcedureStepDescription": "Hasson_Nastase_042518_Storyteller",
    "ProtocolName": "anat-T1w",
    "PulseSequenceDetails": "%SiemensSeq%_tfl",
    "ReceiveCoilActiveElements": "HC1-7;NC1",
    "ReceiveCoilName": "HeadNeck_64",
    "ReconMatrixPE": 256,
    "RepetitionTime": 2.53,
    "SAR": 0.0327301,
    "ScanOptions": "IR",
    "ScanningSequence": "GR_IR",
    "SequenceName": "_tfl3d1_16ns",
    "SequenceVariant": "SK_SP_MP",
    "SeriesDescription": "anat-T1w",
    "SeriesNumber": 3,
    "ShimSetting": [
      766,
      464,
      2059,
      297,
      -102,
      -290,
      319,
      3
    ],
    "SliceThickness": 1,
    "SoftwareVersions": "syngo_MR_E11",
    "StationName": "AWP66018",
    "TxRefAmp": 222.756,
    "dataset": "ds002345",
    "modality": "T1w",
    "subject_id": "283"
  },
  "cjv": 0.3818267621730378,
  "cnr": 3.328117917005979,
  "efc": 0.5367557965693408,
  "fber": 3793.110726643599,
  "fwhm_avg": 3.356436666666667,
  "fwhm_x": 3.42483,
  "fwhm_y": 3.49717,
  "fwhm_z": 3.14731,
  "icvs_csf": 0.18240229343824424,
  "icvs_gm": 0.4194702760760579,
  "icvs_wm": 0.3981274304856978,
  "inu_med": 1.2679662704467773,
  "inu_range": 0.47767566442489606,
  "provenance": {
    "md5sum": "b4ca3d0ce2ca8b2bc2d953ca3b8e3ed7",
    "settings": {
      "testing": false
    },
    "software": "mriqc",
    "version": "22.0.0rc1",
    "warnings": {
      "large_rot_frame": true,
      "small_air_mask": false
    },
    "webapi_port": null,
    "webapi_url": "https://mriqc.nimh.nih.gov/api/v1"
  },
  "qi_1": 0.0,
  "qi_2": 0.0010716810133520524,
  "rpve_csf": 28.79415072832818,
  "rpve_gm": 13.779366652451198,
  "rpve_wm": 18.118310669423003,
  "size_x": 176,
  "size_y": 256,
  "size_z": 256,
  "snr_csf": 3.5048862350190215,
  "snr_gm": 8.802610604957719,
  "snr_total": 11.134090531718364,
  "snr_wm": 21.094774755178353,
  "snrd_csf": 47.70860991206611,
  "snrd_gm": 76.10694270319406,
  "snrd_total": 77.87611039263675,
  "snrd_wm": 109.81277856265004,
  "spacing_x": 1.0,
  "spacing_y": 1.0,
  "spacing_z": 1.0,
  "summary_bg_k": 7.073610156755185,
  "summary_bg_mad": 5.965939382597805,
  "summary_bg_mean": 10.564633680731982,
  "summary_bg_median": 8.942144364118576,
  "summary_bg_n": 3442166.0,
  "summary_bg_p05": 1.6542967073619366,
  "summary_bg_p95": 25.038004219532013,
  "summary_bg_stdv": 7.727829372422307,
  "summary_csf_k": 0.3400658321811476,
  "summary_csf_mad": 114.34717149979126,
  "summary_csf_mean": 415.3280480158033,
  "summary_csf_median": 434.454083930701,
  "summary_csf_n": 2629.0,
  "summary_csf_p05": 176.67888834625484,
  "summary_csf_p95": 581.3645736888051,
  "summary_csf_stdv": 123.93310929217863,
  "summary_gm_k": 0.22572334155776863,
  "summary_gm_mad": 73.97764834421278,
  "summary_gm_mean": 694.728781710857,
  "summary_gm_median": 693.0608989410102,
  "summary_gm_n": 21651.0,
  "summary_gm_p05": 566.2836472187191,
  "summary_gm_p95": 830.2333934865892,
  "summary_gm_stdv": 78.73174499843951,
  "summary_wm_k": 0.8818484126120003,
  "summary_wm_mad": 43.219916416152984,
  "summary_wm_mean": 998.4571037164243,
  "summary_wm_median": 1000.0000042393804,
  "summary_wm_n": 219959.0,
  "summary_wm_p05": 917.3298795931041,
  "summary_wm_p95": 1072.4313735887408,
  "summary_wm_stdv": 47.40499686257147,
  "tpm_overlap_csf": 0.15099775791168213,
  "tpm_overlap_gm": 0.42858368158340454,
  "tpm_overlap_wm": 0.5052425861358643,
  "wm2max": 0.5708549162378168
}