{
  "aor": 0.0011724333333333332,
  "aqi": 0.006500393033333333,
  "bids_meta": {
    "CogAtlasID": "https://www.cognitiveatlas.org/task/id/trm_4c8991fadfe01",
    "DeviceSerialNumber": "45031",
    "DwellTime": 5.4e-06,
    "EchoTime": 0.028,
    "EffectiveEchoSpacing": 0.000390001,
    "FlipAngle": 64,
    "InstitutionAddress": "Washington Rd, Princeton, NJ 08540, USA",
    "InstitutionName": "Princeton University",
    "InstitutionalDepartmentName": "Princeton Neuroscience Institute",
    "MagneticFieldStrength": 3,
    "Manufacturer": "Siemens",
    "ManufacturersModelName": "Skyra",
    "NumberOfVolumesDiscardedByScanner": 3,
    "ParallelReductionFactorInPlane": 2,
    "ParallelReductionType": "GRAPPA",
    "PartialFourier": 1,
    "PhaseEncodingDirection": "j-",
    "PixelBandwidth": 1445,
    "PulseSequenceDetails": "%SiemensSeq%_ep2d_bold",
    "PulseSequenceType": "Gradient Echo EPI",
    "ReceiveCoilActiveElements": "HE1-4",
    "ReceiveCoilName": "HeadNeck_20",
    "RepetitionTime": 1.5,
    "ScanOptions": "FS",
    "ScanningSequence": "EP",
    "SequenceName": "_epfid2d1_64",
    "SequenceVariant": "SK",
    "SliceTiming": [
      0,
      0.7775,
      0.055,
      0.8325,
      0.11,
      0.89,
      0.1675,
      0.945,
      0.2225,
      1,
      0.2775,
      1.055,
      0.3325,
      1.11,
      0.39,
      1.1675,
      0.445,
      1.2225,
      0.5,
      1.2775,
      0.555,
      1.3325,
      0.61,
      1.3875,
      0.6675,
      1.445,
      0.7225
    ],
    "SoftwareVersions": "syngo_MR_D11",
    "StationName": "AWP45031",
    "TaskDescription": "Passively listened to audio story 'pieman'",
    "TaskName": "pieman",
    "TotalReadoutTime": 0.0245701,
    "dataset": "ds002345",
    "modality": "bold",
    "subject_id": "066",
    "task_id": "pieman"
  },
  "dummy_trs": 0,
  "dvars_nstd": 24.110748061505014,
  "dvars_std": 1.2740580488963213,
  "dvars_vstd": 1.0097787031772565,
  "efc": 0.6458829569578715,
  "fber": 717.5025024414062,
  "fd_mean": 0.11123760614664244,
  "fd_num": 7,
  "fd_perc": 2.3333333333333335,
  "fwhm_avg": 1.7970311762299882,
  "fwhm_x": 1.7098533333333332,
  "fwhm_y": 2.0424700000000002,
  "fwhm_z": 1.6387701953566307,
  "gcor": 0.0191772,
  "gsr_x": -0.010541616939008236,
  "gsr_y": 0.06640201061964035,
  "provenance": {
    "md5sum": "1c0741484a20584fb16e132df9b7edd9",
    "settings": {
      "fd_thres": 0.2,
      "testing": false
    },
    "software": "mriqc",
    "version": "21.0.0rc2",
    "webapi_port": null,
    "webapi_url": "https://mriqc.nimh.nih.gov/api/v1"
  },
  "size_t": 300,
  "size_x": 64,
  "size_y": 64,
  "size_z": 27,
  "snr": 7.101201651152572,
  "spacing_tr": 1.5,
  "spacing_x": 3.0,
  "spacing_y": 3.0,
  "spacing_z": 3.999999523162842,
  "summary_bg_k": 11.520124041966376,
  "summary_bg_mad": 21.75471630779279,
  "summary_bg_mean": 59.913352966308594,
  "summary_bg_median": 24.56333351135254,
  "summary_bg_n": 50415.0,
  "summary_bg_p05": 8.09333324432373,
  "summary_bg_p95": 232.06333465576142,
  "summary_bg_stdv": 82.5110092163086,
  "summary_fg_k": 2.843407296179648,
  "summary_fg_mad": 86.60373276412813,
  "summary_fg_mean": 708.4419555664062,
  "summary_fg_median": 703.193359375,
  "summary_fg_n": 31511.0,
  "summary_fg_p05": 568.8500061035156,
  "summary_fg_p95": 869.6133422851562,
  "summary_fg_stdv": 99.02298736572266,
  "tsnr": 75.27848789445125
}