{
  "bids_meta": {
    "DeviceSerialNumber": "45031",
    "DwellTime": 8.2e-06,
    "EchoTime": 0.00308,
    "FlipAngle": 9,
    "InstitutionAddress": "Washington Rd, Princeton, NJ 08540, USA",
    "InstitutionName": "Princeton University",
    "InstitutionalDepartmentName": "Princeton Neuroscience Institute",
    "InversionTime": 0.9,
    "MagneticFieldStrength": 3,
    "Manufacturer": "Siemens",
    "ManufacturersModelName": "Skyra",
    "ParallelReductionFactorInPlane": 2,
    "ParallelReductionType": "GRAPPA",
    "PartialFourier": 1,
    "PixelBandwidth": 240,
    "PulseSequenceDetails": "%SiemensSeq%_tfl",
    "PulseSequenceType": "MPRAGE",
    "ReceiveCoilActiveElements": "HE1-4",
    "ReceiveCoilName": "HeadNeck_20",
    "RepetitionTime": 2.3,
    "ScanOptions": "IR",
    "ScanningSequence": "GR_IR",
    "SequenceName": "_tfl3d1_16ns",
    "SequenceVariant": "SK_SP_MP",
    "SoftwareVersions": "syngo_MR_E11",
    "StationName": "AWP45031",
    "dataset": "ds002345",
    "modality": "T1w",
    "subject_id": "128"
  },
  "cjv": 0.5382295326574882,
  "cnr": 2.479246222395063,
  "efc": 0.7014750481564468,
  "fber": 766.3203955304705,
  "fwhm_avg": 3.302028386185382,
  "fwhm_x": 3.3816109767379636,
  "fwhm_y": 3.41568,
  "fwhm_z": 3.108794181818182,
  "icvs_csf": 0.18560381819993133,
  "icvs_gm": 0.44010213840530615,
  "icvs_wm": 0.37429404339476247,
  "inu_med": 1.2977925539016724,
  "inu_range": 0.48391587138175973,
  "provenance": {
    "md5sum": "e0a2d8441d551f13635c31d15c82fc4f",
    "settings": {
      "testing": false
    },
    "software": "mriqc",
    "version": "22.0.0rc1",
    "warnings": {
      "large_rot_frame": true,
      "small_air_mask": false
    },
    "webapi_port": null,
    "webapi_url": "https://mriqc.nimh.nih.gov/api/v1"
  },
  "qi_1": 0.0,
  "qi_2": 0.002878391715478621,
  "rpve_csf": 18.352410801949517,
  "rpve_gm": 8.586270061772463,
  "rpve_wm": 11.721683152387143,
  "size_x": 192,
  "size_y": 256,
  "size_z": 256,
  "snr_csf": 2.698053006323998,
  "snr_gm": 9.377472600425078,
  "snr_total": 8.806397235463633,
  "snr_wm": 14.34366609964182,
  "snrd_csf": 17.22921968685208,
  "snrd_gm": 38.90251753426005,
  "snrd_total": 36.307333002369774,
  "snrd_wm": 52.790261785997195,
  "spacing_x": 0.9000000357627869,
  "spacing_y": 0.859375,
  "spacing_z": 0.859375,
  "summary_bg_k": 2.0685349965094826,
  "summary_bg_mad": 12.410174701727724,
  "summary_bg_mean": 23.6187994264969,
  "summary_bg_median": 21.444515101611614,
  "summary_bg_n": 1996639.0,
  "summary_bg_p05": 5.341198928654194,
  "summary_bg_p95": 51.33928522467613,
  "summary_bg_stdv": 14.952190965854756,
  "summary_csf_k": 3.7196378158243357,
  "summary_csf_mad": 110.27326663535206,
  "summary_csf_mean": 349.02133750549456,
  "summary_csf_median": 326.3711703568697,
  "summary_csf_n": 23355.0,
  "summary_csf_p05": 188.9110313616693,
  "summary_csf_p95": 574.4579026848078,
  "summary_csf_stdv": 120.96285074357893,
  "summary_gm_k": 0.5093076063046214,
  "summary_gm_mad": 73.2791268102018,
  "summary_gm_mean": 739.9016374521253,
  "summary_gm_median": 736.9260133802891,
  "summary_gm_n": 37112.0,
  "summary_gm_p05": 615.9917033091187,
  "summary_gm_p95": 875.6736204754559,
  "summary_gm_stdv": 78.58365641867255,
  "summary_wm_k": 0.28664377294190535,
  "summary_wm_mad": 68.3150569295107,
  "summary_wm_mean": 1000.5128132002856,
  "summary_wm_median": 999.9999904632568,
  "summary_wm_n": 368011.0,
  "summary_wm_p05": 886.8781803175807,
  "summary_wm_p95": 1115.1945046707988,
  "summary_wm_stdv": 69.71708800669013,
  "tpm_overlap_csf": 0.17555120587348938,
  "tpm_overlap_gm": 0.44622066617012024,
  "tpm_overlap_wm": 0.491740882396698,
  "wm2max": 0.4343381644970384
}