{
  "aor": 0.00018616551724137933,
  "aqi": 0.005605201255172414,
  "bids_meta": {
    "CogAtlasID": "https://www.cognitiveatlas.org/task/id/trm_4c8991fadfe01",
    "DeviceSerialNumber": "45031",
    "DwellTime": 4.9e-06,
    "EchoTime": 0.028,
    "EffectiveEchoSpacing": 0.000355001,
    "FlipAngle": 64,
    "InstitutionAddress": "Washington Rd, Princeton, NJ 08540, USA",
    "InstitutionName": "Princeton University",
    "InstitutionalDepartmentName": "Princeton Neuroscience Institute",
    "MagneticFieldStrength": 3,
    "Manufacturer": "Siemens",
    "ManufacturersModelName": "Skyra",
    "NumberOfVolumesDiscardedByScanner": 3,
    "ParallelReductionFactorInPlane": 2,
    "ParallelReductionType": "GRAPPA",
    "PartialFourier": 1,
    "PhaseEncodingDirection": "j-",
    "PixelBandwidth": 1595,
    "PulseSequenceDetails": "%SiemensSeq%_ep2d_bold",
    "PulseSequenceType": "Gradient Echo EPI",
    "ReceiveCoilActiveElements": "HE1-4",
    "ReceiveCoilName": "HeadNeck_20",
    "RepetitionTime": 1.5,
    "ScanOptions": "FS",
    "ScanningSequence": "EP",
    "SequenceName": "_epfid2d1_64",
    "SequenceVariant": "SK",
    "SliceTiming": [
      0,
      0.7675,
      0.055,
      0.8225,
      0.1075,
      0.875,
      0.1625,
      0.93,
      0.2175,
      0.985,
      0.2725,
      1.04,
      0.3275,
      1.095,
      0.3825,
      1.15,
      0.4375,
      1.205,
      0.4925,
      1.26,
      0.5475,
      1.315,
      0.6025,
      1.37,
      0.6575,
      1.425,
      0.7125
    ],
    "SoftwareVersions": "syngo_MR_D13",
    "StationName": "AWP45031",
    "TaskDescription": "Passively listened to audio story 'sherlock'",
    "TaskName": "sherlock",
    "TotalReadoutTime": 0.022365,
    "dataset": "ds002345",
    "modality": "bold",
    "subject_id": "153",
    "task_id": "sherlock"
  },
  "dummy_trs": 0,
  "dvars_nstd": 17.346995198149173,
  "dvars_std": 1.0539534438950278,
  "dvars_vstd": 0.9818458589779,
  "efc": 0.5942330013957008,
  "fber": 1942.872314453125,
  "fd_mean": 0.1310665887736405,
  "fd_num": 54,
  "fd_perc": 7.448275862068965,
  "fwhm_avg": 1.7417339705538917,
  "fwhm_x": 1.75699,
  "fwhm_y": 1.9263668197605466,
  "fwhm_z": 1.5418450919011288,
  "gcor": 0.0148299,
  "gsr_x": -0.009216601960361004,
  "gsr_y": 0.054360534995794296,
  "provenance": {
    "md5sum": "1aa3ca71e675efdb3316f6ea13d59e9a",
    "settings": {
      "fd_thres": 0.2,
      "testing": false
    },
    "software": "mriqc",
    "version": "22.0.0rc1",
    "webapi_port": null,
    "webapi_url": "https://mriqc.nimh.nih.gov/api/v1"
  },
  "size_t": 725,
  "size_x": 64,
  "size_y": 64,
  "size_z": 27,
  "snr": 6.684408040378797,
  "spacing_tr": 1.5,
  "spacing_x": 3.0,
  "spacing_y": 2.999999761581421,
  "spacing_z": 3.999999761581421,
  "summary_bg_k": 21.108208227803697,
  "summary_bg_mad": 9.343461051105768,
  "summary_bg_mean": 36.939022064208984,
  "summary_bg_median": 14.582069396972656,
  "summary_bg_n": 54084.0,
  "summary_bg_p05": 7.204138278961182,
  "summary_bg_p95": 143.9862182617187,
  "summary_bg_stdv": 59.41313171386719,
  "summary_fg_k": 1.7484059969662065,
  "summary_fg_mad": 100.24224341882227,
  "summary_fg_mean": 691.3318481445312,
  "summary_fg_median": 681.2910766601562,
  "summary_fg_n": 27939.0,
  "summary_fg_p05": 554.2138305664063,
  "summary_fg_p95": 860.2189208984374,
  "summary_fg_stdv": 101.92060089111328,
  "tsnr": 76.69284947216511
}