{
  "aor": 0.000640064935064935,
  "aqi": 0.005280537954545455,
  "bids_meta": {
    "CogAtlasID": "https://www.cognitiveatlas.org/task/id/trm_4c8991fadfe01",
    "DeviceSerialNumber": "45031",
    "DwellTime": 4.9e-06,
    "EchoTime": 0.028,
    "EffectiveEchoSpacing": 0.000355001,
    "FlipAngle": 64,
    "InstitutionAddress": "Washington Rd, Princeton, NJ 08540, USA",
    "InstitutionName": "Princeton University",
    "InstitutionalDepartmentName": "Princeton Neuroscience Institute",
    "MagneticFieldStrength": 3,
    "Manufacturer": "Siemens",
    "ManufacturersModelName": "Skyra",
    "NumberOfVolumesDiscardedByScanner": 3,
    "ParallelReductionFactorInPlane": 2,
    "ParallelReductionType": "GRAPPA",
    "PartialFourier": 1,
    "PhaseEncodingDirection": "j-",
    "PixelBandwidth": 1595,
    "PulseSequenceDetails": "%SiemensSeq%_ep2d_bold",
    "PulseSequenceType": "Gradient Echo EPI",
    "ReceiveCoilActiveElements": "HE1-4",
    "ReceiveCoilName": "HeadNeck_20",
    "RepetitionTime": 1.5,
    "ScanOptions": "FS",
    "ScanningSequence": "EP",
    "SequenceName": "_epfid2d1_64",
    "SequenceVariant": "SK",
    "SliceTiming": [
      0,
      0.7675,
      0.055,
      0.8225,
      0.1075,
      0.875,
      0.1625,
      0.93,
      0.2175,
      0.985,
      0.2725,
      1.04,
      0.3275,
      1.095,
      0.3825,
      1.15,
      0.4375,
      1.205,
      0.4925,
      1.26,
      0.5475,
      1.315,
      0.6025,
      1.37,
      0.6575,
      1.425,
      0.7125
    ],
    "SoftwareVersions": "syngo_MR_D13",
    "StationName": "AWP45031",
    "TaskDescription": "Passively listened to audio story 'merlin'",
    "TaskName": "merlin",
    "TotalReadoutTime": 0.022365,
    "dataset": "ds002345",
    "modality": "bold",
    "subject_id": "157",
    "task_id": "merlin"
  },
  "dummy_trs": 0,
  "dvars_nstd": 18.09131035697561,
  "dvars_std": 1.1231964335284554,
  "dvars_vstd": 0.9943707370406509,
  "efc": 0.6423984913246165,
  "fber": 1026.15966796875,
  "fd_mean": 0.06293570800261875,
  "fd_num": 1,
  "fd_perc": 0.16233766233766234,
  "fwhm_avg": 1.7073586111111112,
  "fwhm_x": 1.6672233333333333,
  "fwhm_y": 1.90958,
  "fwhm_z": 1.5452725,
  "gcor": 0.0111793,
  "gsr_x": -0.011217499151825905,
  "gsr_y": 0.05087169259786606,
  "provenance": {
    "md5sum": "ac51edc720addd4e206ccec68ace903d",
    "settings": {
      "fd_thres": 0.2,
      "testing": false
    },
    "software": "mriqc",
    "version": "22.0.0rc1",
    "webapi_port": null,
    "webapi_url": "https://mriqc.nimh.nih.gov/api/v1"
  },
  "size_t": 616,
  "size_x": 64,
  "size_y": 64,
  "size_z": 27,
  "snr": 6.450885312123874,
  "spacing_tr": 1.5,
  "spacing_x": 3.0,
  "spacing_y": 3.0,
  "spacing_z": 4.0,
  "summary_bg_k": 13.907935356329475,
  "summary_bg_mad": 17.14860437961256,
  "summary_bg_mean": 55.61941146850586,
  "summary_bg_median": 21.186687469482422,
  "summary_bg_n": 49549.0,
  "summary_bg_p05": 8.147727012634277,
  "summary_bg_p95": 229.15487670898426,
  "summary_bg_stdv": 84.41533660888672,
  "summary_fg_k": 1.6800113232660552,
  "summary_fg_mad": 113.00389765888511,
  "summary_fg_mean": 732.2867431640625,
  "summary_fg_median": 724.275146484375,
  "summary_fg_n": 32358.0,
  "summary_fg_p05": 577.3720153808594,
  "summary_fg_p95": 915.3411285400391,
  "summary_fg_stdv": 112.27357482910156,
  "tsnr": 76.55922048026696
}