{
  "aor": 0.0038629999999999992,
  "aqi": 0.0064655950333333346,
  "bids_meta": {
    "CogAtlasID": "https://www.cognitiveatlas.org/task/id/trm_4c8991fadfe01",
    "DeviceSerialNumber": "45031",
    "DwellTime": 5.4e-06,
    "EchoTime": 0.028,
    "EffectiveEchoSpacing": 0.000390001,
    "FlipAngle": 64,
    "InstitutionAddress": "Washington Rd, Princeton, NJ 08540, USA",
    "InstitutionName": "Princeton University",
    "InstitutionalDepartmentName": "Princeton Neuroscience Institute",
    "MagneticFieldStrength": 3,
    "Manufacturer": "Siemens",
    "ManufacturersModelName": "Skyra",
    "NumberOfVolumesDiscardedByScanner": 3,
    "ParallelReductionFactorInPlane": 2,
    "ParallelReductionType": "GRAPPA",
    "PartialFourier": 1,
    "PhaseEncodingDirection": "j-",
    "PixelBandwidth": 1445,
    "PulseSequenceDetails": "%SiemensSeq%_ep2d_bold",
    "PulseSequenceType": "Gradient Echo EPI",
    "ReceiveCoilActiveElements": "HE1-4",
    "ReceiveCoilName": "HeadNeck_20",
    "RepetitionTime": 1.5,
    "ScanOptions": "FS",
    "ScanningSequence": "EP",
    "SequenceName": "_epfid2d1_64",
    "SequenceVariant": "SK",
    "SliceTiming": [
      0,
      0.7775,
      0.055,
      0.8325,
      0.11,
      0.89,
      0.1675,
      0.945,
      0.2225,
      1,
      0.2775,
      1.055,
      0.3325,
      1.11,
      0.39,
      1.1675,
      0.445,
      1.2225,
      0.5,
      1.2775,
      0.555,
      1.3325,
      0.61,
      1.3875,
      0.6675,
      1.445,
      0.7225
    ],
    "SoftwareVersions": "syngo_MR_D11",
    "StationName": "AWP45031",
    "TaskDescription": "Passively listened to audio story 'pieman'",
    "TaskName": "pieman",
    "TotalReadoutTime": 0.0245701,
    "dataset": "ds002345",
    "modality": "bold",
    "subject_id": "060",
    "task_id": "pieman"
  },
  "dummy_trs": 0,
  "dvars_nstd": 17.626538375719075,
  "dvars_std": 1.0841444202675596,
  "dvars_vstd": 1.0290064263879601,
  "efc": 0.5733248801084477,
  "fber": 1799.691650390625,
  "fd_mean": 0.1389149476812994,
  "fd_num": 41,
  "fd_perc": 13.666666666666666,
  "fwhm_avg": 1.847912911261617,
  "fwhm_x": 1.7937,
  "fwhm_y": 2.0704233333333333,
  "fwhm_z": 1.6796154004515174,
  "gcor": 0.0552953,
  "gsr_x": 0.009188815951347351,
  "gsr_y": 0.025664113461971283,
  "provenance": {
    "md5sum": "cadd30f0e8c1a975f5de6ba50951b7f7",
    "settings": {
      "fd_thres": 0.2,
      "testing": false
    },
    "software": "mriqc",
    "version": "21.0.0rc2",
    "webapi_port": null,
    "webapi_url": "https://mriqc.nimh.nih.gov/api/v1"
  },
  "size_t": 300,
  "size_x": 64,
  "size_y": 64,
  "size_z": 27,
  "snr": 7.2069666168702256,
  "spacing_tr": 1.5,
  "spacing_x": 3.0,
  "spacing_y": 3.0,
  "spacing_z": 3.9999990463256836,
  "summary_bg_k": 19.25118202839179,
  "summary_bg_mad": 10.417751550994838,
  "summary_bg_mean": 35.77683639526367,
  "summary_bg_median": 15.206666946411133,
  "summary_bg_n": 57108.0,
  "summary_bg_p05": 6.643333435058594,
  "summary_bg_p95": 140.07083587646437,
  "summary_bg_stdv": 59.53609848022461,
  "summary_fg_k": 2.0873673584863486,
  "summary_fg_mad": 86.89040780247198,
  "summary_fg_mean": 676.3782958984375,
  "summary_fg_median": 669.9000244140625,
  "summary_fg_n": 25243.0,
  "summary_fg_p05": 545.507666015625,
  "summary_fg_p95": 829.0233764648438,
  "summary_fg_stdv": 92.94989013671875,
  "tsnr": 69.24141005519778
}