{
  "aor": 0.0006505234159779615,
  "aqi": 0.00925383603305785,
  "bids_meta": {
    "CogAtlasID": "https://www.cognitiveatlas.org/task/id/trm_4c8991fadfe01",
    "DeviceSerialNumber": "45031",
    "DwellTime": 4.9e-06,
    "EchoTime": 0.028,
    "EffectiveEchoSpacing": 0.000355001,
    "FlipAngle": 64,
    "InstitutionAddress": "Washington Rd, Princeton, NJ 08540, USA",
    "InstitutionName": "Princeton University",
    "InstitutionalDepartmentName": "Princeton Neuroscience Institute",
    "MagneticFieldStrength": 3,
    "Manufacturer": "Siemens",
    "ManufacturersModelName": "Skyra",
    "NumberOfVolumesDiscardedByScanner": 3,
    "ParallelReductionFactorInPlane": 2,
    "ParallelReductionType": "GRAPPA",
    "PartialFourier": 1,
    "PhaseEncodingDirection": "j-",
    "PixelBandwidth": 1595,
    "PulseSequenceDetails": "%SiemensSeq%_ep2d_bold",
    "PulseSequenceType": "Gradient Echo EPI",
    "ReceiveCoilActiveElements": "HE1-4",
    "ReceiveCoilName": "HeadNeck_20",
    "RepetitionTime": 1.5,
    "ScanOptions": "FS",
    "ScanningSequence": "EP",
    "SequenceName": "_epfid2d1_64",
    "SequenceVariant": "SK",
    "SliceTiming": [
      0,
      0.7675,
      0.055,
      0.8225,
      0.1075,
      0.875,
      0.1625,
      0.93,
      0.2175,
      0.985,
      0.2725,
      1.04,
      0.3275,
      1.095,
      0.3825,
      1.15,
      0.4375,
      1.205,
      0.4925,
      1.26,
      0.5475,
      1.315,
      0.6025,
      1.37,
      0.6575,
      1.425,
      0.7125
    ],
    "SoftwareVersions": "syngo_MR_D13",
    "StationName": "AWP45031",
    "TaskDescription": "Passively listened to audio story 'sherlock'",
    "TaskName": "sherlock",
    "TotalReadoutTime": 0.022365,
    "dataset": "ds002345",
    "modality": "bold",
    "subject_id": "164",
    "task_id": "sherlock"
  },
  "dummy_trs": 0,
  "dvars_nstd": 22.879776256068958,
  "dvars_std": 1.2460528094896546,
  "dvars_vstd": 1.007607139186207,
  "efc": 0.5809254426765701,
  "fber": 2029.6627197265625,
  "fd_mean": 0.09252950842578676,
  "fd_num": 5,
  "fd_perc": 0.6887052341597796,
  "fwhm_avg": 1.6795527777777777,
  "fwhm_x": 1.6318133333333333,
  "fwhm_y": 1.90672,
  "fwhm_z": 1.500125,
  "gcor": 0.00703629,
  "gsr_x": -0.01539126131683588,
  "gsr_y": 0.04348228499293327,
  "provenance": {
    "md5sum": "5ee23b5c125479fad2222e3d408c1a75",
    "settings": {
      "fd_thres": 0.2,
      "testing": false
    },
    "software": "mriqc",
    "version": "22.0.0rc1",
    "webapi_port": null,
    "webapi_url": "https://mriqc.nimh.nih.gov/api/v1"
  },
  "size_t": 726,
  "size_x": 64,
  "size_y": 64,
  "size_z": 27,
  "snr": 7.650672338761886,
  "spacing_tr": 1.5,
  "spacing_x": 3.0,
  "spacing_y": 3.0,
  "spacing_z": 4.0,
  "summary_bg_k": 19.58494409273655,
  "summary_bg_mad": 7.385442487051228,
  "summary_bg_mean": 32.19535827636719,
  "summary_bg_median": 13.19214916229248,
  "summary_bg_n": 55726.0,
  "summary_bg_p05": 6.923209309577942,
  "summary_bg_p95": 126.0079231262207,
  "summary_bg_stdv": 54.567237854003906,
  "summary_fg_k": 2.3863025806809706,
  "summary_fg_mad": 75.91902469832925,
  "summary_fg_mean": 626.5693969726562,
  "summary_fg_median": 619.5482177734375,
  "summary_fg_n": 26502.0,
  "summary_fg_p05": 515.7280944824219,
  "summary_fg_p95": 760.2889190673826,
  "summary_fg_stdv": 80.9780502319336,
  "tsnr": 68.42369152978063
}