{
  "aor": 0.0011494471544715446,
  "aqi": 0.008508526813008128,
  "bids_meta": {
    "CogAtlasID": "https://www.cognitiveatlas.org/task/id/trm_4c8991fadfe01",
    "DeviceSerialNumber": "45031",
    "DwellTime": 4.9e-06,
    "EchoTime": 0.028,
    "EffectiveEchoSpacing": 0.000355001,
    "FlipAngle": 64,
    "InstitutionAddress": "Washington Rd, Princeton, NJ 08540, USA",
    "InstitutionName": "Princeton University",
    "InstitutionalDepartmentName": "Princeton Neuroscience Institute",
    "MagneticFieldStrength": 3,
    "Manufacturer": "Siemens",
    "ManufacturersModelName": "Skyra",
    "NumberOfVolumesDiscardedByScanner": 3,
    "ParallelReductionFactorInPlane": 2,
    "ParallelReductionType": "GRAPPA",
    "PartialFourier": 1,
    "PhaseEncodingDirection": "j-",
    "PixelBandwidth": 1595,
    "PulseSequenceDetails": "%SiemensSeq%_ep2d_bold",
    "PulseSequenceType": "Gradient Echo EPI",
    "ReceiveCoilActiveElements": "HE1-4",
    "ReceiveCoilName": "HeadNeck_20",
    "RepetitionTime": 1.5,
    "ScanOptions": "FS",
    "ScanningSequence": "EP",
    "SequenceName": "_epfid2d1_64",
    "SequenceVariant": "SK",
    "SliceTiming": [
      0,
      0.7675,
      0.055,
      0.8225,
      0.1075,
      0.875,
      0.1625,
      0.93,
      0.2175,
      0.985,
      0.2725,
      1.04,
      0.3275,
      1.095,
      0.3825,
      1.15,
      0.4375,
      1.205,
      0.4925,
      1.26,
      0.5475,
      1.315,
      0.6025,
      1.37,
      0.6575,
      1.425,
      0.7125
    ],
    "SoftwareVersions": "syngo_MR_D13",
    "StationName": "AWP45031",
    "TaskDescription": "Passively listened to audio story 'merlin'",
    "TaskName": "merlin",
    "TotalReadoutTime": 0.022365,
    "dataset": "ds002345",
    "modality": "bold",
    "subject_id": "164",
    "task_id": "merlin"
  },
  "dummy_trs": 0,
  "dvars_nstd": 22.493672516986965,
  "dvars_std": 1.2129058667915311,
  "dvars_vstd": 1.0056867999999997,
  "efc": 0.5801945658641958,
  "fber": 2061.47119140625,
  "fd_mean": 0.10841744845072132,
  "fd_num": 17,
  "fd_perc": 2.7642276422764227,
  "fwhm_avg": 1.690487222222222,
  "fwhm_x": 1.6440566666666667,
  "fwhm_y": 1.92493,
  "fwhm_z": 1.502475,
  "gcor": 0.0113701,
  "gsr_x": -0.01527849305421114,
  "gsr_y": 0.043825600296258926,
  "provenance": {
    "md5sum": "151a464eeed0ca11d892094c94973908",
    "settings": {
      "fd_thres": 0.2,
      "testing": false
    },
    "software": "mriqc",
    "version": "22.0.0rc1",
    "webapi_port": null,
    "webapi_url": "https://mriqc.nimh.nih.gov/api/v1"
  },
  "size_t": 615,
  "size_x": 64,
  "size_y": 64,
  "size_z": 27,
  "snr": 7.556892083710434,
  "spacing_tr": 1.5,
  "spacing_x": 3.0,
  "spacing_y": 3.0,
  "spacing_z": 4.0,
  "summary_bg_k": 19.96705555716697,
  "summary_bg_mad": 7.663727326149048,
  "summary_bg_mean": 32.312923431396484,
  "summary_bg_median": 13.224390029907227,
  "summary_bg_n": 55698.0,
  "summary_bg_p05": 6.6796746253967285,
  "summary_bg_p95": 126.17178802490224,
  "summary_bg_stdv": 55.41962432861328,
  "summary_fg_k": 2.383226698295906,
  "summary_fg_mad": 77.7775259412289,
  "summary_fg_mean": 632.1865844726562,
  "summary_fg_median": 624.7723388671875,
  "summary_fg_n": 26479.0,
  "summary_fg_p05": 520.5246826171875,
  "summary_fg_p95": 768.715087890625,
  "summary_fg_stdv": 82.67427062988281,
  "tsnr": 68.34766700165346
}