{
  "bids_meta": {
    "DeviceSerialNumber": "45031",
    "DwellTime": 8.2e-06,
    "EchoTime": 0.00308,
    "FlipAngle": 9,
    "InstitutionAddress": "Washington Rd, Building 25, Princeton, NJ 08540, USA",
    "InstitutionName": "Princeton University",
    "InstitutionalDepartmentName": "Princeton Neuroscience Institute",
    "InversionTime": 0.9,
    "MagneticFieldStrength": 3,
    "Manufacturer": "Siemens",
    "ManufacturersModelName": "Skyra",
    "ParallelReductionFactorInPlane": 2,
    "ParellelReductionType": "TODO",
    "PartialFourier": 1,
    "PixelBandwidth": 240,
    "PulseSequenceDetails": "%SiemensSeq%_tfl",
    "PulseSequenceType": "MPRAGE",
    "ReceiveCoilActiveElements": "HE1-4",
    "ReceiveCoilName": "HeadNeck_20",
    "RepetitionTime": 2.3,
    "ScanOptions": "IR",
    "ScanningSequence": "GR_IR",
    "SequenceName": "_tfl3d1_16ns",
    "SequenceVariant": "SK_SP_MP",
    "SoftwareVersions": "syngo_MR_D11",
    "StationName": "AWP45031",
    "dataset": "ds002345",
    "modality": "T1w",
    "run_id": 1,
    "subject_id": "109"
  },
  "cjv": 0.4483338945527984,
  "cnr": 2.954333415207219,
  "efc": 0.6622767398325006,
  "fber": 1020.0937645392418,
  "fwhm_avg": 3.3705967905772325,
  "fwhm_x": 3.3550776444589703,
  "fwhm_y": 3.571456,
  "fwhm_z": 3.1852567272727272,
  "icvs_csf": 0.17253994434271305,
  "icvs_gm": 0.43586105685973536,
  "icvs_wm": 0.39159899879755156,
  "inu_med": 1.4225976467132568,
  "inu_range": 0.530625581741333,
  "provenance": {
    "md5sum": "3cad33e4e9998041ef4be5bc005ec995",
    "settings": {
      "testing": false
    },
    "software": "mriqc",
    "version": "22.0.0rc1",
    "warnings": {
      "large_rot_frame": true,
      "small_air_mask": false
    },
    "webapi_port": null,
    "webapi_url": "https://mriqc.nimh.nih.gov/api/v1"
  },
  "qi_1": 0.0,
  "qi_2": 0.0038073030544531587,
  "rpve_csf": 20.22714140247794,
  "rpve_gm": 9.157119455626464,
  "rpve_wm": 12.066796923764759,
  "size_x": 192,
  "size_y": 256,
  "size_z": 256,
  "snr_csf": 2.8471241412659425,
  "snr_gm": 8.919815194608846,
  "snr_total": 9.60648136946323,
  "snr_wm": 17.0525047725149,
  "snrd_csf": 20.91240621593421,
  "snrd_gm": 41.50454877168449,
  "snrd_total": 40.39173390180488,
  "snrd_wm": 58.75824671779596,
  "spacing_x": 0.9000000357627869,
  "spacing_y": 0.859375,
  "spacing_z": 0.859375,
  "summary_bg_k": 147.83545175150036,
  "summary_bg_mad": 11.150461971612707,
  "summary_bg_mean": 19.487552252038466,
  "summary_bg_median": 16.55971884727478,
  "summary_bg_n": 2433188.0,
  "summary_bg_p05": 2.690954312682152,
  "summary_bg_p95": 42.77927368879318,
  "summary_bg_stdv": 13.002737978666831,
  "summary_csf_k": 1.4005852290560066,
  "summary_csf_mad": 146.95081304790506,
  "summary_csf_mean": 366.7584816870018,
  "summary_csf_median": 355.9304569736123,
  "summary_csf_n": 17468.0,
  "summary_csf_p05": 185.60684874653816,
  "summary_csf_p95": 565.2384033203125,
  "summary_csf_stdv": 125.01044952620077,
  "summary_gm_k": 0.247054854275222,
  "summary_gm_mad": 75.39349057870243,
  "summary_gm_mean": 710.0255183759413,
  "summary_gm_median": 706.41000649333,
  "summary_gm_n": 37684.0,
  "summary_gm_p05": 584.4890764802694,
  "summary_gm_p95": 848.13360029459,
  "summary_gm_stdv": 79.1945369055707,
  "summary_wm_k": 0.41942837036678204,
  "summary_wm_mad": 56.263798939330165,
  "summary_wm_mean": 998.9254450487256,
  "summary_wm_median": 1000.0690207183361,
  "summary_wm_n": 372113.0,
  "summary_wm_p05": 900.5727099776268,
  "summary_wm_p95": 1092.6654486060143,
  "summary_wm_stdv": 58.64638012350725,
  "tpm_overlap_csf": 0.18818660080432892,
  "tpm_overlap_gm": 0.4467009902000427,
  "tpm_overlap_wm": 0.5144697427749634,
  "wm2max": 0.5153505686109725
}