{
  "bids_meta": {
    "DeviceSerialNumber": "45031",
    "DwellTime": 8.2e-06,
    "EchoTime": 0.00308,
    "FlipAngle": 9,
    "InstitutionAddress": "Washington Rd, Princeton, NJ 08540, USA",
    "InstitutionName": "Princeton University",
    "InstitutionalDepartmentName": "Princeton Neuroscience Institute",
    "InversionTime": 0.9,
    "MagneticFieldStrength": 3,
    "Manufacturer": "Siemens",
    "ManufacturersModelName": "Skyra",
    "ParallelReductionFactorInPlane": 2,
    "ParallelReductionType": "GRAPPA",
    "PartialFourier": 1,
    "PixelBandwidth": 240,
    "PulseSequenceDetails": "%SiemensSeq%_tfl",
    "PulseSequenceType": "MPRAGE",
    "ReceiveCoilActiveElements": "HE1-4",
    "ReceiveCoilName": "HeadNeck_20",
    "RepetitionTime": 2.3,
    "ScanOptions": "IR",
    "ScanningSequence": "GR_IR",
    "SequenceName": "_tfl3d1_16ns",
    "SequenceVariant": "SK_SP_MP",
    "SoftwareVersions": "syngo_MR_D13",
    "StationName": "AWP45031",
    "dataset": "ds002345",
    "modality": "T1w",
    "subject_id": "180"
  },
  "cjv": 0.4835603057585954,
  "cnr": 2.779882226472045,
  "efc": 0.6469410469804878,
  "fber": 829.6145546372819,
  "fwhm_avg": 3.315659335631827,
  "fwhm_x": 3.373888754822595,
  "fwhm_y": 3.4470341013824886,
  "fwhm_z": 3.126055150690397,
  "icvs_csf": 0.17992810905966208,
  "icvs_gm": 0.41614351134150546,
  "icvs_wm": 0.4039283795988325,
  "inu_med": 1.4400551319122314,
  "inu_range": 0.4585495650768281,
  "provenance": {
    "md5sum": "926ba032ac18f73cb72c55854e1ee5cc",
    "settings": {
      "testing": false
    },
    "software": "mriqc",
    "version": "22.0.0rc1",
    "warnings": {
      "large_rot_frame": true,
      "small_air_mask": false
    },
    "webapi_port": null,
    "webapi_url": "https://mriqc.nimh.nih.gov/api/v1"
  },
  "qi_1": 0.0,
  "qi_2": 0.002650463386900107,
  "rpve_csf": 21.164527133784798,
  "rpve_gm": 10.116249600681504,
  "rpve_wm": 12.674562886614698,
  "size_x": 192,
  "size_y": 256,
  "size_z": 256,
  "snr_csf": 2.5974013253393102,
  "snr_gm": 8.848379627408246,
  "snr_total": 9.235442165932254,
  "snr_wm": 16.260545545049204,
  "snrd_csf": 18.781666611274844,
  "snrd_gm": 38.776862028264574,
  "snrd_total": 37.268195102681524,
  "snrd_wm": 54.24605666850516,
  "spacing_x": 0.9000000357627869,
  "spacing_y": 0.84765625,
  "spacing_z": 0.8476561903953552,
  "summary_bg_k": 6.711210388229967,
  "summary_bg_mad": 12.077858778698191,
  "summary_bg_mean": 20.9166451837944,
  "summary_bg_median": 19.089306510984898,
  "summary_bg_n": 2390404.0,
  "summary_bg_p05": 2.7357286401093006,
  "summary_bg_p95": 47.41929642856121,
  "summary_bg_stdv": 14.658344971667715,
  "summary_csf_k": 7.8600429730832015,
  "summary_csf_mad": 134.1633790454646,
  "summary_csf_mean": 365.92349845453583,
  "summary_csf_median": 346.25205488316715,
  "summary_csf_n": 15548.0,
  "summary_csf_p05": 183.96255255490541,
  "summary_csf_p95": 590.6316546056419,
  "summary_csf_stdv": 133.3028193939782,
  "summary_gm_k": 0.03258512356102994,
  "summary_gm_mad": 79.04688170834562,
  "summary_gm_mean": 717.5841380123535,
  "summary_gm_median": 714.8762906454504,
  "summary_gm_n": 25374.0,
  "summary_gm_p05": 587.7956159153953,
  "summary_gm_p95": 856.6083120925351,
  "summary_gm_stdv": 80.79018236343143,
  "summary_wm_k": 0.43023536798700635,
  "summary_wm_mad": 58.85702822753671,
  "summary_wm_mean": 999.5717086028801,
  "summary_wm_median": 1000.0608028843999,
  "summary_wm_n": 362278.0,
  "summary_wm_p05": 897.8053457140923,
  "summary_wm_p95": 1099.215767595917,
  "summary_wm_stdv": 61.502206052886315,
  "tpm_overlap_csf": 0.1785067319869995,
  "tpm_overlap_gm": 0.43177834153175354,
  "tpm_overlap_wm": 0.5014615058898926,
  "wm2max": 0.4969856911474904
}