{
  "aor": 0.0027670418006430866,
  "aqi": 0.020685788102893895,
  "bids_meta": {
    "CogAtlasID": "https://www.cognitiveatlas.org/task/id/trm_4c8991fadfe01",
    "DeviceSerialNumber": "66018",
    "DwellTime": 4.2e-06,
    "EchoTime": 0.039,
    "EffectiveEchoSpacing": 0.000929976,
    "FlipAngle": 50,
    "InstitutionAddress": "Washington Rd, Princeton, NJ 08540, USA",
    "InstitutionName": "Princeton University",
    "InstitutionalDepartmentName": "Princeton Neuroscience Institute",
    "MagneticFieldStrength": 3,
    "Manufacturer": "Siemens",
    "ManufacturersModelName": "Prisma",
    "NumberOfVolumesDiscardedByScanner": 3,
    "ParallelReductionType": "GRAPPA",
    "PartialFourier": 0.75,
    "PhaseEncodingDirection": "j-",
    "PixelBandwidth": 1240,
    "PulseSequenceDetails": "%CustomerSeq%_ep2d_bold_sms_mgh_v22",
    "PulseSequenceType": "Gradient Echo EPI",
    "ReceiveCoilActiveElements": "HC1-7;NC1,2",
    "ReceiveCoilName": "HeadNeck_64",
    "RepetitionTime": 1.5,
    "ScanOptions": "PFP_FS",
    "ScanningSequence": "EP",
    "SequenceName": "epfSM2d1_96",
    "SequenceVariant": "SK",
    "SliceTiming": [
      0.6925,
      0,
      0.79,
      0.1,
      0.8875,
      0.1975,
      0.9875,
      0.2975,
      1.085,
      0.395,
      1.185,
      0.495,
      1.2825,
      0.5925,
      1.3825,
      0.6925,
      0,
      0.79,
      0.1,
      0.8875,
      0.1975,
      0.9875,
      0.2975,
      1.085,
      0.395,
      1.185,
      0.495,
      1.2825,
      0.5925,
      1.3825,
      0.6925,
      0,
      0.79,
      0.1,
      0.8875,
      0.1975,
      0.9875,
      0.2975,
      1.085,
      0.395,
      1.185,
      0.495,
      1.2825,
      0.5925,
      1.3825,
      0.6925,
      0,
      0.79,
      0.1,
      0.8875,
      0.1975,
      0.9875,
      0.2975,
      1.085,
      0.395,
      1.185,
      0.495,
      1.2825,
      0.5925,
      1.3825
    ],
    "SoftwareVersions": "syngo_MR_D13D",
    "StationName": "AWP66018",
    "TaskDescription": "Passively listened to audio story 'shapessocial'",
    "TaskName": "shapessocial",
    "TotalReadoutTime": 0.0883478,
    "dataset": "ds002345",
    "modality": "bold",
    "subject_id": "229",
    "task_id": "shapessocial"
  },
  "dummy_trs": 1,
  "dvars_nstd": 50.39411792116131,
  "dvars_std": 1.0396555780645165,
  "dvars_vstd": 0.957624760064517,
  "efc": 0.6009030197807487,
  "fber": 258.442626953125,
  "fd_mean": 0.2795319236159244,
  "fd_num": 180,
  "fd_perc": 57.87781350482315,
  "fwhm_avg": 2.9950683333333337,
  "fwhm_x": 2.57863,
  "fwhm_y": 3.31702,
  "fwhm_z": 3.089555,
  "gcor": 0.0116051,
  "gsr_x": -0.009441589005291462,
  "gsr_y": 0.08037712424993515,
  "provenance": {
    "md5sum": "d420dd8e7c9410c62e9f70204806135f",
    "settings": {
      "fd_thres": 0.2,
      "testing": false
    },
    "software": "mriqc",
    "version": "22.0.0rc1",
    "webapi_port": null,
    "webapi_url": "https://mriqc.nimh.nih.gov/api/v1"
  },
  "size_t": 311,
  "size_x": 96,
  "size_y": 96,
  "size_z": 60,
  "snr": 2.4455829925150376,
  "spacing_tr": 1.5,
  "spacing_x": 2.0,
  "spacing_y": 2.0,
  "spacing_z": 2.0,
  "summary_bg_k": 177.4771053776834,
  "summary_bg_mad": 8.218668168899551,
  "summary_bg_mean": 43.03529739379883,
  "summary_bg_median": 26.041799545288086,
  "summary_bg_n": 308250.0,
  "summary_bg_p05": 18.95819854736328,
  "summary_bg_p95": 103.86495208740234,
  "summary_bg_stdv": 74.56199645996094,
  "summary_fg_k": 2.910484952935059,
  "summary_fg_mad": 153.3801945997696,
  "summary_fg_mean": 455.33941650390625,
  "summary_fg_median": 432.98712158203125,
  "summary_fg_n": 156369.0,
  "summary_fg_p05": 207.60578613281254,
  "summary_fg_p95": 762.8546630859375,
  "summary_fg_stdv": 177.04806518554688,
  "tsnr": 25.664983208756894
}