{
  "aor": 0.0016638064516129032,
  "aqi": 0.01761908709677419,
  "bids_meta": {
    "CogAtlasID": "https://www.cognitiveatlas.org/task/id/trm_4c8991fadfe01",
    "DeviceSerialNumber": "66018",
    "DwellTime": 4.2e-06,
    "EchoTime": 0.039,
    "EffectiveEchoSpacing": 0.000929976,
    "FlipAngle": 50,
    "InstitutionAddress": "Washington Rd, Princeton, NJ 08540, USA",
    "InstitutionName": "Princeton University",
    "InstitutionalDepartmentName": "Princeton Neuroscience Institute",
    "MagneticFieldStrength": 3,
    "Manufacturer": "Siemens",
    "ManufacturersModelName": "Prisma",
    "NumberOfVolumesDiscardedByScanner": 3,
    "ParallelReductionType": "GRAPPA",
    "PartialFourier": 0.75,
    "PhaseEncodingDirection": "j-",
    "PixelBandwidth": 1240,
    "PulseSequenceDetails": "%CustomerSeq%_ep2d_bold_sms_mgh_v22",
    "PulseSequenceType": "Gradient Echo EPI",
    "ReceiveCoilActiveElements": "HC1-7;NC1,2",
    "ReceiveCoilName": "HeadNeck_64",
    "RepetitionTime": 1.5,
    "ScanOptions": "PFP_FS",
    "ScanningSequence": "EP",
    "SequenceName": "epfSM2d1_96",
    "SequenceVariant": "SK",
    "SliceTiming": [
      0.6925,
      0,
      0.79,
      0.1,
      0.8875,
      0.1975,
      0.9875,
      0.2975,
      1.085,
      0.395,
      1.185,
      0.495,
      1.2825,
      0.5925,
      1.3825,
      0.6925,
      0,
      0.79,
      0.1,
      0.8875,
      0.1975,
      0.9875,
      0.2975,
      1.085,
      0.395,
      1.185,
      0.495,
      1.2825,
      0.5925,
      1.3825,
      0.6925,
      0,
      0.79,
      0.1,
      0.8875,
      0.1975,
      0.9875,
      0.2975,
      1.085,
      0.395,
      1.185,
      0.495,
      1.2825,
      0.5925,
      1.3825,
      0.6925,
      0,
      0.79,
      0.1,
      0.8875,
      0.1975,
      0.9875,
      0.2975,
      1.085,
      0.395,
      1.185,
      0.495,
      1.2825,
      0.5925,
      1.3825
    ],
    "SoftwareVersions": "syngo_MR_D13D",
    "StationName": "AWP66018",
    "TaskDescription": "Passively listened to audio story 'shapesphysical'",
    "TaskName": "shapesphysical",
    "TotalReadoutTime": 0.0883478,
    "dataset": "ds002345",
    "modality": "bold",
    "subject_id": "229",
    "task_id": "shapesphysical"
  },
  "dummy_trs": 1,
  "dvars_nstd": 49.17781365647247,
  "dvars_std": 1.0968601031391583,
  "dvars_vstd": 0.9877617588349514,
  "efc": 0.6017672231734161,
  "fber": 254.78065490722656,
  "fd_mean": 0.28238165634550144,
  "fd_num": 217,
  "fd_perc": 70.0,
  "fwhm_avg": 2.9243366666666666,
  "fwhm_x": 2.50012,
  "fwhm_y": 3.24639,
  "fwhm_z": 3.0265,
  "gcor": 0.0086473,
  "gsr_x": -0.009313209913671017,
  "gsr_y": 0.0819055438041687,
  "provenance": {
    "md5sum": "ee7887cc69d717ae5373af66420f5e95",
    "settings": {
      "fd_thres": 0.2,
      "testing": false
    },
    "software": "mriqc",
    "version": "22.0.0rc1",
    "webapi_port": null,
    "webapi_url": "https://mriqc.nimh.nih.gov/api/v1"
  },
  "size_t": 310,
  "size_x": 96,
  "size_y": 96,
  "size_z": 60,
  "snr": 2.48408144347867,
  "spacing_tr": 1.5,
  "spacing_x": 2.0,
  "spacing_y": 2.0,
  "spacing_z": 2.0,
  "summary_bg_k": 181.36885866780395,
  "summary_bg_mad": 8.388660901449688,
  "summary_bg_mean": 42.96523666381836,
  "summary_bg_median": 26.08709716796875,
  "summary_bg_n": 308600.0,
  "summary_bg_p05": 18.848386764526367,
  "summary_bg_p95": 103.5,
  "summary_bg_stdv": 74.6455078125,
  "summary_fg_k": 2.9235273141673126,
  "summary_fg_mad": 150.37648630265255,
  "summary_fg_mean": 451.76611328125,
  "summary_fg_median": 430.89031982421875,
  "summary_fg_n": 155630.0,
  "summary_fg_p05": 209.1143486022949,
  "summary_fg_p95": 753.9199859619139,
  "summary_fg_stdv": 173.46006774902344,
  "tsnr": 27.60296419193037
}