{
  "aor": 0.0011390476190476192,
  "aqi": 0.008314014761904761,
  "bids_meta": {
    "AcquisitionMatrixPE": 96,
    "BandwidthPerPixelPhaseEncode": 20.425,
    "BaseResolution": 96,
    "BodyPartExamined": "BRAIN",
    "ConsistencyInfo": "N4_VE11C_LATEST_20160120",
    "ConversionSoftware": "dcm2niix",
    "ConversionSoftwareVersion": "v1.0.20180328 GCC6.3.0",
    "DerivedVendorReportedEchoSpacing": 0.000509996,
    "DeviceSerialNumber": "66018",
    "DwellTime": 2.1e-06,
    "EchoTime": 0.031,
    "EchoTrainLength": 96,
    "EffectiveEchoSpacing": 0.000509996,
    "FlipAngle": 67,
    "ImageOrientationPatientDICOM": [
      1,
      0,
      0,
      0,
      1,
      0
    ],
    "ImageType": [
      "ORIGINAL",
      "PRIMARY",
      "M",
      "ND",
      "NORM",
      "MOSAIC"
    ],
    "InPlanePhaseEncodingDirectionDICOM": "COL",
    "InstitutionAddress": "Washington Rd, Princeton, NJ 08540, USA",
    "InstitutionName": "Princeton University",
    "InstitutionalDepartmentName": "Princeton Neuroscience Institute",
    "MRAcquisitionType": "2D",
    "MagneticFieldStrength": 3,
    "Manufacturer": "Siemens",
    "ManufacturersModelName": "Prisma",
    "Modality": "MR",
    "MultibandAccelerationFactor": 3,
    "NumberOfVolumesDiscardedByScanner": 3,
    "PartialFourier": 1,
    "PatientPosition": "HFS",
    "PercentPhaseFOV": 100,
    "PhaseEncodingDirection": "j-",
    "PhaseEncodingSteps": 96,
    "PhaseResolution": 1,
    "PixelBandwidth": 2480,
    "ProcedureStepDescription": "Hasson_Nastase_042518_Storyteller",
    "ProtocolName": "func_task-pieman",
    "PulseSequenceDetails": "%SiemensSeq%_ep2d_bold",
    "ReceiveCoilActiveElements": "HC1-7;NC1",
    "ReceiveCoilName": "HeadNeck_64",
    "ReconMatrixPE": 96,
    "RepetitionTime": 1.5,
    "SAR": 0.0366393,
    "ScanOptions": "FS",
    "ScanningSequence": "EP",
    "SequenceName": "_epfid2d1_96",
    "SequenceVariant": "SK",
    "SeriesDescription": "func_task-pieman",
    "SeriesNumber": 8,
    "ShimSetting": [
      742,
      542,
      1989,
      575,
      -131,
      349,
      110,
      21
    ],
    "SliceThickness": 2.5,
    "SliceTiming": [
      1.11,
      0,
      0.74,
      0.0925,
      0.8325,
      0.185,
      0.925,
      0.2775,
      1.0175,
      0.4625,
      1.2025,
      0.555,
      1.295,
      0.6475,
      1.3875,
      0.37,
      1.11,
      0,
      0.74,
      0.0925,
      0.8325,
      0.185,
      0.925,
      0.2775,
      1.0175,
      0.4625,
      1.2025,
      0.555,
      1.295,
      0.6475,
      1.3875,
      0.37,
      1.11,
      0,
      0.74,
      0.0925,
      0.8325,
      0.185,
      0.925,
      0.2775,
      1.0175,
      0.4625,
      1.2025,
      0.555,
      1.295,
      0.6475,
      1.3875,
      0.37
    ],
    "SoftwareVersions": "syngo_MR_E11",
    "SpacingBetweenSlices": 2.5,
    "StationName": "AWP66018",
    "TaskDescription": "Passively listened to audio story 'piemanpni'",
    "TaskName": "piemanpni",
    "TotalReadoutTime": 0.0484496,
    "TxRefAmp": 221.515,
    "dataset": "ds002345",
    "modality": "bold",
    "subject_id": "127",
    "task_id": "piemanpni"
  },
  "dummy_trs": 0,
  "dvars_nstd": 20.571833952423216,
  "dvars_std": 1.1034708411604095,
  "dvars_vstd": 0.9967229577133103,
  "efc": 0.45510215474375304,
  "fber": 4692.9306640625,
  "fd_mean": 0.08651950644041682,
  "fd_num": 16,
  "fd_perc": 5.442176870748299,
  "fwhm_avg": 1.9483093333333334,
  "fwhm_x": 1.787512,
  "fwhm_y": 2.1474,
  "fwhm_z": 1.910016,
  "gcor": 0.0444133,
  "gsr_x": -0.02325541526079178,
  "gsr_y": 0.0406937412917614,
  "provenance": {
    "md5sum": "69b6e33bfea1b9906b4fc12149f9d002",
    "settings": {
      "fd_thres": 0.2,
      "testing": false
    },
    "software": "mriqc",
    "version": "22.0.0rc1",
    "webapi_port": null,
    "webapi_url": "https://mriqc.nimh.nih.gov/api/v1"
  },
  "size_t": 294,
  "size_x": 96,
  "size_y": 96,
  "size_z": 48,
  "snr": 6.183347762487651,
  "spacing_tr": 1.5,
  "spacing_x": 2.5,
  "spacing_y": 2.5,
  "spacing_z": 2.5,
  "summary_bg_k": 65.15306151197251,
  "summary_bg_mad": 6.409481615804958,
  "summary_bg_mean": 27.91431427001953,
  "summary_bg_median": 11.03741455078125,
  "summary_bg_n": 312105.0,
  "summary_bg_p05": 5.125850200653076,
  "summary_bg_p95": 111.33945312499996,
  "summary_bg_stdv": 57.68151092529297,
  "summary_fg_k": 2.1174061275686213,
  "summary_fg_mad": 115.73120163004846,
  "summary_fg_mean": 763.6569213867188,
  "summary_fg_median": 762.4200439453125,
  "summary_fg_n": 68030.0,
  "summary_fg_p05": 586.9652923583984,
  "summary_fg_p95": 955.2980865478515,
  "summary_fg_stdv": 123.30123901367188,
  "tsnr": 65.44819248653948
}