{
  "aor": 0.00040766666666666664,
  "aqi": 0.01203360894871795,
  "bids_meta": {
    "AcquisitionMatrixPE": 96,
    "BandwidthPerPixelPhaseEncode": 20.425,
    "BaseResolution": 96,
    "BodyPartExamined": "BRAIN",
    "ConsistencyInfo": "N4_VE11C_LATEST_20160120",
    "ConversionSoftware": "dcm2niix",
    "ConversionSoftwareVersion": "v1.0.20180328 GCC6.3.0",
    "DerivedVendorReportedEchoSpacing": 0.000509996,
    "DeviceSerialNumber": "66018",
    "DwellTime": 2.1e-06,
    "EchoTime": 0.031,
    "EchoTrainLength": 96,
    "EffectiveEchoSpacing": 0.000509996,
    "FlipAngle": 67,
    "ImageOrientationPatientDICOM": [
      1,
      0,
      0,
      0,
      1,
      0
    ],
    "ImageType": [
      "ORIGINAL",
      "PRIMARY",
      "M",
      "ND",
      "NORM",
      "MOSAIC"
    ],
    "InPlanePhaseEncodingDirectionDICOM": "COL",
    "InstitutionAddress": "Washington Rd, Princeton, NJ 08540, USA",
    "InstitutionName": "Princeton University",
    "InstitutionalDepartmentName": "Princeton Neuroscience Institute",
    "MRAcquisitionType": "2D",
    "MagneticFieldStrength": 3,
    "Manufacturer": "Siemens",
    "ManufacturersModelName": "Prisma",
    "Modality": "MR",
    "MultibandAccelerationFactor": 3,
    "NumberOfVolumesDiscardedByScanner": 3,
    "PartialFourier": 1,
    "PatientPosition": "HFS",
    "PercentPhaseFOV": 100,
    "PhaseEncodingDirection": "j-",
    "PhaseEncodingSteps": 96,
    "PhaseResolution": 1,
    "PixelBandwidth": 2480,
    "ProcedureStepDescription": "Hasson_Nastase_042518_Storyteller",
    "ProtocolName": "func_task-bronx",
    "PulseSequenceDetails": "%SiemensSeq%_ep2d_bold",
    "ReceiveCoilActiveElements": "HC1-7;NC1",
    "ReceiveCoilName": "HeadNeck_64",
    "ReconMatrixPE": 96,
    "RepetitionTime": 1.5,
    "SAR": 0.0366612,
    "ScanOptions": "FS",
    "ScanningSequence": "EP",
    "SequenceName": "_epfid2d1_96",
    "SequenceVariant": "SK",
    "SeriesDescription": "func_task-bronx",
    "SeriesNumber": 10,
    "ShimSetting": [
      742,
      542,
      1989,
      575,
      -131,
      349,
      110,
      21
    ],
    "SliceThickness": 2.5,
    "SliceTiming": [
      1.11,
      0,
      0.74,
      0.0925,
      0.8325,
      0.185,
      0.925,
      0.2775,
      1.0175,
      0.4625,
      1.2025,
      0.555,
      1.295,
      0.6475,
      1.3875,
      0.37,
      1.11,
      0,
      0.74,
      0.0925,
      0.8325,
      0.185,
      0.925,
      0.2775,
      1.0175,
      0.4625,
      1.2025,
      0.555,
      1.295,
      0.6475,
      1.3875,
      0.37,
      1.11,
      0,
      0.74,
      0.0925,
      0.8325,
      0.185,
      0.925,
      0.2775,
      1.0175,
      0.4625,
      1.2025,
      0.555,
      1.295,
      0.6475,
      1.3875,
      0.37
    ],
    "SoftwareVersions": "syngo_MR_E11",
    "SpacingBetweenSlices": 2.5,
    "StationName": "AWP66018",
    "TaskDescription": "Passively listened to audio story 'bronx'",
    "TaskName": "bronx",
    "TotalReadoutTime": 0.0484496,
    "TxRefAmp": 221.515,
    "dataset": "ds002345",
    "modality": "bold",
    "subject_id": "127",
    "task_id": "bronx"
  },
  "dummy_trs": 0,
  "dvars_nstd": 21.400766191311025,
  "dvars_std": 1.0778417900000015,
  "dvars_vstd": 0.9686664377377897,
  "efc": 0.455710252384325,
  "fber": 4688.17626953125,
  "fd_mean": 0.10248731271111758,
  "fd_num": 35,
  "fd_perc": 8.974358974358974,
  "fwhm_avg": 1.9731119999999998,
  "fwhm_x": 1.8113,
  "fwhm_y": 2.17414,
  "fwhm_z": 1.933896,
  "gcor": 0.0327505,
  "gsr_x": -0.02313259057700634,
  "gsr_y": 0.040059130638837814,
  "provenance": {
    "md5sum": "7f9f31832e19353090f60037bc42bc95",
    "settings": {
      "fd_thres": 0.2,
      "testing": false
    },
    "software": "mriqc",
    "version": "22.0.0rc1",
    "webapi_port": null,
    "webapi_url": "https://mriqc.nimh.nih.gov/api/v1"
  },
  "size_t": 390,
  "size_x": 96,
  "size_y": 96,
  "size_z": 48,
  "snr": 6.151309686088987,
  "spacing_tr": 1.5,
  "spacing_x": 2.5,
  "spacing_y": 2.5,
  "spacing_z": 2.5,
  "summary_bg_k": 58.8772651335026,
  "summary_bg_mad": 6.401801204226853,
  "summary_bg_mean": 28.096878051757812,
  "summary_bg_median": 11.035898208618164,
  "summary_bg_n": 312246.0,
  "summary_bg_p05": 5.156410217285156,
  "summary_bg_p95": 113.81217956542969,
  "summary_bg_stdv": 56.8859977722168,
  "summary_fg_k": 2.265071713710049,
  "summary_fg_mad": 116.21890210957946,
  "summary_fg_mean": 762.2200317382812,
  "summary_fg_median": 760.8782348632812,
  "summary_fg_n": 67996.0,
  "summary_fg_p05": 586.6871948242188,
  "summary_fg_p95": 954.4141235351562,
  "summary_fg_stdv": 123.69278717041016,
  "tsnr": 56.8206082736142
}