{
  "aor": 0.0013236062717770036,
  "aqi": 0.01588940031358885,
  "bids_meta": {
    "AcquisitionMatrixPE": 96,
    "BandwidthPerPixelPhaseEncode": 20.425,
    "BaseResolution": 96,
    "BodyPartExamined": "BRAIN",
    "ConsistencyInfo": "N4_VE11C_LATEST_20160120",
    "ConversionSoftware": "dcm2niix",
    "ConversionSoftwareVersion": "v1.0.20180328 GCC6.3.0",
    "DerivedVendorReportedEchoSpacing": 0.000509996,
    "DeviceSerialNumber": "66018",
    "DwellTime": 2.1e-06,
    "EchoTime": 0.031,
    "EchoTrainLength": 96,
    "EffectiveEchoSpacing": 0.000509996,
    "FlipAngle": 67,
    "ImageOrientationPatientDICOM": [
      1,
      0,
      0,
      0,
      1,
      0
    ],
    "ImageType": [
      "ORIGINAL",
      "PRIMARY",
      "M",
      "ND",
      "NORM",
      "MOSAIC"
    ],
    "InPlanePhaseEncodingDirectionDICOM": "COL",
    "InstitutionAddress": "Washington Rd, Princeton, NJ 08540, USA",
    "InstitutionName": "Princeton University",
    "InstitutionalDepartmentName": "Princeton Neuroscience Institute",
    "MRAcquisitionType": "2D",
    "MagneticFieldStrength": 3,
    "Manufacturer": "Siemens",
    "ManufacturersModelName": "Prisma",
    "Modality": "MR",
    "MultibandAccelerationFactor": 3,
    "NumberOfVolumesDiscardedByScanner": 3,
    "PartialFourier": 1,
    "PatientPosition": "HFS",
    "PercentPhaseFOV": 100,
    "PhaseEncodingDirection": "j-",
    "PhaseEncodingSteps": 96,
    "PhaseResolution": 1,
    "PixelBandwidth": 2480,
    "ProcedureStepDescription": "Hasson_Nastase_042518_Storyteller",
    "ProtocolName": "func_task-forgot",
    "PulseSequenceDetails": "%SiemensSeq%_ep2d_bold",
    "ReceiveCoilActiveElements": "HC1-7;NC1",
    "ReceiveCoilName": "HeadNeck_64",
    "ReconMatrixPE": 96,
    "RepetitionTime": 1.5,
    "SAR": 0.036683,
    "ScanOptions": "FS",
    "ScanningSequence": "EP",
    "SequenceName": "_epfid2d1_96",
    "SequenceVariant": "SK",
    "SeriesDescription": "func_task-forgot",
    "SeriesNumber": 13,
    "ShimSetting": [
      742,
      542,
      1989,
      575,
      -131,
      349,
      110,
      21
    ],
    "SliceThickness": 2.5,
    "SliceTiming": [
      1.11,
      0,
      0.74,
      0.0925,
      0.8325,
      0.185,
      0.925,
      0.2775,
      1.0175,
      0.4625,
      1.2025,
      0.555,
      1.295,
      0.6475,
      1.3875,
      0.37,
      1.11,
      0,
      0.74,
      0.0925,
      0.8325,
      0.185,
      0.925,
      0.2775,
      1.0175,
      0.4625,
      1.2025,
      0.555,
      1.295,
      0.6475,
      1.3875,
      0.37,
      1.11,
      0,
      0.74,
      0.0925,
      0.8325,
      0.185,
      0.925,
      0.2775,
      1.0175,
      0.4625,
      1.2025,
      0.555,
      1.295,
      0.6475,
      1.3875,
      0.37
    ],
    "SoftwareVersions": "syngo_MR_E11",
    "SpacingBetweenSlices": 2.5,
    "StationName": "AWP66018",
    "TaskDescription": "Passively listened to audio story 'forgot'",
    "TaskName": "forgot",
    "TotalReadoutTime": 0.0484496,
    "TxRefAmp": 221.515,
    "dataset": "ds002345",
    "modality": "bold",
    "subject_id": "127",
    "task_id": "forgot"
  },
  "dummy_trs": 0,
  "dvars_nstd": 21.488580394171017,
  "dvars_std": 1.06277281572426,
  "dvars_vstd": 0.9739248335951126,
  "efc": 0.4569285089176867,
  "fber": 4622.0732421875,
  "fd_mean": 0.12711814993913687,
  "fd_num": 74,
  "fd_perc": 12.89198606271777,
  "fwhm_avg": 2.007514666666667,
  "fwhm_x": 1.836452,
  "fwhm_y": 2.217096,
  "fwhm_z": 1.968996,
  "gcor": 0.029641,
  "gsr_x": -0.023244613781571388,
  "gsr_y": 0.03945107012987137,
  "provenance": {
    "md5sum": "9075a0d02389e0be8568c1b7f224b10c",
    "settings": {
      "fd_thres": 0.2,
      "testing": false
    },
    "software": "mriqc",
    "version": "22.0.0rc1",
    "webapi_port": null,
    "webapi_url": "https://mriqc.nimh.nih.gov/api/v1"
  },
  "size_t": 574,
  "size_x": 96,
  "size_y": 96,
  "size_z": 48,
  "snr": 6.123408832030556,
  "spacing_tr": 1.5,
  "spacing_x": 2.5,
  "spacing_y": 2.5,
  "spacing_z": 2.5,
  "summary_bg_k": 57.21110296236292,
  "summary_bg_mad": 6.49348823831996,
  "summary_bg_mean": 28.359188079833984,
  "summary_bg_median": 11.043554306030273,
  "summary_bg_n": 312110.0,
  "summary_bg_p05": 5.108014106750488,
  "summary_bg_p95": 116.57683067321773,
  "summary_bg_stdv": 56.69974136352539,
  "summary_fg_k": 2.157821609526433,
  "summary_fg_mad": 115.66622919395917,
  "summary_fg_mean": 756.829345703125,
  "summary_fg_median": 755.9791259765625,
  "summary_fg_n": 68125.0,
  "summary_fg_p05": 581.1808349609375,
  "summary_fg_p95": 949.6773803710937,
  "summary_fg_stdv": 123.45632934570312,
  "tsnr": 47.72518424782902
}