{
  "aor": 0.005732929292929294,
  "aqi": 0.018556969057239057,
  "bids_meta": {
    "CogAtlasID": "https://www.cognitiveatlas.org/task/id/trm_4c8991fadfe01",
    "DeviceSerialNumber": "45031",
    "DwellTime": 5.4e-06,
    "EchoTime": 0.028,
    "EffectiveEchoSpacing": 0.000390001,
    "FlipAngle": 64,
    "InstitutionAddress": "Washington Rd, Princeton, NJ 08540, USA",
    "InstitutionName": "Princeton University",
    "InstitutionalDepartmentName": "Princeton Neuroscience Institute",
    "MagneticFieldStrength": 3,
    "Manufacturer": "Siemens",
    "ManufacturersModelName": "Skyra",
    "NumberOfVolumesDiscardedByScanner": 3,
    "ParallelReductionFactorInPlane": 2,
    "ParallelReductionType": "GRAPPA",
    "PartialFourier": 1,
    "PhaseEncodingDirection": "j-",
    "PixelBandwidth": 1445,
    "PulseSequenceDetails": "%SiemensSeq%_ep2d_bold",
    "PulseSequenceType": "Gradient Echo EPI",
    "ReceiveCoilActiveElements": "HE1-4",
    "ReceiveCoilName": "HeadNeck_20",
    "RepetitionTime": 1.5,
    "ScanOptions": "FS",
    "ScanningSequence": "EP",
    "SequenceName": "_epfid2d1_64",
    "SequenceVariant": "SK",
    "SliceTiming": [
      0,
      0.7775,
      0.055,
      0.8325,
      0.11,
      0.8875,
      0.165,
      0.9425,
      0.22,
      0.9975,
      0.2775,
      1.055,
      0.3325,
      1.11,
      0.3875,
      1.165,
      0.4425,
      1.22,
      0.5,
      1.2775,
      0.555,
      1.3325,
      0.61,
      1.3875,
      0.665,
      1.4425,
      0.72
    ],
    "SoftwareVersions": "syngo_MR_D11",
    "StationName": "AWP45031",
    "TaskDescription": "Passively listened to audio story 'milkyway'",
    "TaskName": "milkyway",
    "TotalReadoutTime": 0.0245701,
    "dataset": "ds002345",
    "modality": "bold",
    "subject_id": "113",
    "task_id": "milkyway"
  },
  "dummy_trs": 0,
  "dvars_nstd": 26.62376104831082,
  "dvars_std": 1.2419870371959463,
  "dvars_vstd": 1.042452954493243,
  "efc": 0.5868832707936312,
  "fber": 1651.6197509765625,
  "fd_mean": 0.19289602351684906,
  "fd_num": 96,
  "fd_perc": 32.323232323232325,
  "fwhm_avg": 1.8624162385462693,
  "fwhm_x": 1.8419299999999998,
  "fwhm_y": 2.1418133333333333,
  "fwhm_z": 1.6035053823054748,
  "gcor": 0.0260561,
  "gsr_x": -0.005620770622044802,
  "gsr_y": 0.03610868752002716,
  "provenance": {
    "md5sum": "4a5c2405da2d811e0f78bd59686ed447",
    "settings": {
      "fd_thres": 0.2,
      "testing": false
    },
    "software": "mriqc",
    "version": "22.0.0rc1",
    "webapi_port": null,
    "webapi_url": "https://mriqc.nimh.nih.gov/api/v1"
  },
  "size_t": 297,
  "size_x": 64,
  "size_y": 64,
  "size_z": 27,
  "snr": 7.03637756675706,
  "spacing_tr": 1.5,
  "spacing_x": 3.0,
  "spacing_y": 3.0,
  "spacing_z": 3.9999990463256836,
  "summary_bg_k": 29.93297288999183,
  "summary_bg_mad": 10.690210334145018,
  "summary_bg_mean": 29.511640548706055,
  "summary_bg_median": 15.292928695678711,
  "summary_bg_n": 54544.0,
  "summary_bg_p05": 6.538720607757568,
  "summary_bg_p95": 90.8102661132812,
  "summary_bg_stdv": 40.718292236328125,
  "summary_fg_k": 2.2679038747832356,
  "summary_fg_mad": 85.40938917398249,
  "summary_fg_mean": 658.0303955078125,
  "summary_fg_median": 651.06396484375,
  "summary_fg_n": 27480.0,
  "summary_fg_p05": 529.3131103515625,
  "summary_fg_p95": 809.2598907470704,
  "summary_fg_stdv": 92.52660369873047,
  "tsnr": 48.80662244744599
}