{
  "aor": 0.003522516393442622,
  "aqi": 0.00960502405737705,
  "bids_meta": {
    "CogAtlasID": "https://www.cognitiveatlas.org/task/id/trm_4c8991fadfe01",
    "DeviceSerialNumber": "45031",
    "DwellTime": 5.4e-06,
    "EchoTime": 0.028,
    "EffectiveEchoSpacing": 0.000390001,
    "FlipAngle": 64,
    "InstitutionAddress": "Washington Rd, Princeton, NJ 08540, USA",
    "InstitutionName": "Princeton University",
    "InstitutionalDepartmentName": "Princeton Neuroscience Institute",
    "MagneticFieldStrength": 3,
    "Manufacturer": "Siemens",
    "ManufacturersModelName": "Skyra",
    "NumberOfVolumesDiscardedByScanner": 3,
    "ParallelReductionFactorInPlane": 2,
    "ParallelReductionType": "GRAPPA",
    "PartialFourier": 1,
    "PhaseEncodingDirection": "j-",
    "PixelBandwidth": 1445,
    "PulseSequenceDetails": "%SiemensSeq%_ep2d_bold",
    "PulseSequenceType": "Gradient Echo EPI",
    "ReceiveCoilActiveElements": "HE1-4",
    "ReceiveCoilName": "HeadNeck_20",
    "RepetitionTime": 1.5,
    "ScanOptions": "FS",
    "ScanningSequence": "EP",
    "SequenceName": "_epfid2d1_64",
    "SequenceVariant": "SK",
    "SliceTiming": [
      0,
      0.7775,
      0.055,
      0.8325,
      0.11,
      0.8875,
      0.1675,
      0.945,
      0.2225,
      1,
      0.2775,
      1.055,
      0.3325,
      1.11,
      0.3875,
      1.165,
      0.445,
      1.2225,
      0.5,
      1.2775,
      0.555,
      1.3325,
      0.61,
      1.3875,
      0.6675,
      1.445,
      0.7225
    ],
    "SoftwareVersions": "syngo_MR_D11",
    "StationName": "AWP45031",
    "TaskDescription": "Passively listened to audio story 'slumlordreach'",
    "TaskName": "slumlordreach",
    "TotalReadoutTime": 0.0245701,
    "dataset": "ds002345",
    "modality": "bold",
    "subject_id": "134",
    "task_id": "slumlordreach"
  },
  "dummy_trs": 3,
  "dvars_nstd": 24.72929136832654,
  "dvars_std": 1.2770721536259237,
  "dvars_vstd": 0.9910463031173096,
  "efc": 0.5951367676806442,
  "fber": 1698.856689453125,
  "fd_mean": 0.13387758707668496,
  "fd_num": 42,
  "fd_perc": 3.442622950819672,
  "fwhm_avg": 1.7479027777777778,
  "fwhm_x": 1.71369,
  "fwhm_y": 1.9705833333333331,
  "fwhm_z": 1.559435,
  "gcor": 0.109317,
  "gsr_x": -0.006988200359046459,
  "gsr_y": 0.054193854331970215,
  "provenance": {
    "md5sum": "0e342ee112d9b66b1a143127fcbccc68",
    "settings": {
      "fd_thres": 0.2,
      "testing": false
    },
    "software": "mriqc",
    "version": "22.0.0rc1",
    "webapi_port": null,
    "webapi_url": "https://mriqc.nimh.nih.gov/api/v1"
  },
  "size_t": 1220,
  "size_x": 64,
  "size_y": 64,
  "size_z": 27,
  "snr": 7.079513745432181,
  "spacing_tr": 1.5,
  "spacing_x": 3.0,
  "spacing_y": 3.0,
  "spacing_z": 4.0,
  "summary_bg_k": 21.994030741496616,
  "summary_bg_mad": 11.68582186078755,
  "summary_bg_mean": 45.46861267089844,
  "summary_bg_median": 16.319263458251953,
  "summary_bg_n": 55676.0,
  "summary_bg_p05": 7.0497952699661255,
  "summary_bg_p95": 180.79570388793945,
  "summary_bg_stdv": 73.35860443115234,
  "summary_fg_k": 2.763372022091432,
  "summary_fg_mad": 91.69651301048958,
  "summary_fg_mean": 714.0020141601562,
  "summary_fg_median": 704.8487548828125,
  "summary_fg_n": 26932.0,
  "summary_fg_p05": 581.7633911132813,
  "summary_fg_p95": 879.0710723876949,
  "summary_fg_stdv": 99.55989837646484,
  "tsnr": 58.69859148573596
}