{
  "aor": 0.005840677419354839,
  "aqi": 0.010305749741935485,
  "bids_meta": {
    "CogAtlasID": "https://www.cognitiveatlas.org/task/id/trm_4c8991fadfe01",
    "DeviceSerialNumber": "66018",
    "DwellTime": 4.2e-06,
    "EchoTime": 0.039,
    "EffectiveEchoSpacing": 0.000929976,
    "FlipAngle": 50,
    "InstitutionAddress": "Washington Rd, Princeton, NJ 08540, USA",
    "InstitutionName": "Princeton University",
    "InstitutionalDepartmentName": "Princeton Neuroscience Institute",
    "MagneticFieldStrength": 3,
    "Manufacturer": "Siemens",
    "ManufacturersModelName": "Prisma",
    "NumberOfVolumesDiscardedByScanner": 3,
    "ParallelReductionType": "GRAPPA",
    "PartialFourier": 0.75,
    "PhaseEncodingDirection": "j-",
    "PixelBandwidth": 1240,
    "PulseSequenceDetails": "%CustomerSeq%_ep2d_bold_sms_mgh_v22",
    "PulseSequenceType": "Gradient Echo EPI",
    "ReceiveCoilActiveElements": "HC1-7;NC1,2",
    "ReceiveCoilName": "HeadNeck_64",
    "RepetitionTime": 1.5,
    "ScanOptions": "PFP_FS",
    "ScanningSequence": "EP",
    "SequenceName": "epfSM2d1_96",
    "SequenceVariant": "SK",
    "SliceTiming": [
      0.6925,
      0,
      0.79,
      0.1,
      0.8875,
      0.1975,
      0.9875,
      0.2975,
      1.085,
      0.395,
      1.185,
      0.495,
      1.2825,
      0.5925,
      1.3825,
      0.6925,
      0,
      0.79,
      0.1,
      0.8875,
      0.1975,
      0.9875,
      0.2975,
      1.085,
      0.395,
      1.185,
      0.495,
      1.2825,
      0.5925,
      1.3825,
      0.6925,
      0,
      0.79,
      0.1,
      0.8875,
      0.1975,
      0.9875,
      0.2975,
      1.085,
      0.395,
      1.185,
      0.495,
      1.2825,
      0.5925,
      1.3825,
      0.6925,
      0,
      0.79,
      0.1,
      0.8875,
      0.1975,
      0.9875,
      0.2975,
      1.085,
      0.395,
      1.185,
      0.495,
      1.2825,
      0.5925,
      1.3825
    ],
    "SoftwareVersions": "syngo_MR_D13D",
    "StationName": "AWP66018",
    "TaskDescription": "Passively listened to audio story 'shapessocial'",
    "TaskName": "shapessocial",
    "TotalReadoutTime": 0.0883478,
    "dataset": "ds002345",
    "modality": "bold",
    "subject_id": "218",
    "task_id": "shapessocial"
  },
  "dummy_trs": 0,
  "dvars_nstd": 38.89877997080907,
  "dvars_std": 1.097150667702265,
  "dvars_vstd": 1.002744242524271,
  "efc": 0.5801012076227873,
  "fber": 373.07220458984375,
  "fd_mean": 0.17029303334614246,
  "fd_num": 33,
  "fd_perc": 10.64516129032258,
  "fwhm_avg": 2.9819116666666665,
  "fwhm_x": 2.80912,
  "fwhm_y": 3.182015,
  "fwhm_z": 2.9546,
  "gcor": 0.0225116,
  "gsr_x": -0.013377886265516281,
  "gsr_y": 0.050341252237558365,
  "provenance": {
    "md5sum": "4f4189f40e4876769e7612ba5b68561b",
    "settings": {
      "fd_thres": 0.2,
      "testing": false
    },
    "software": "mriqc",
    "version": "22.0.0rc1",
    "webapi_port": null,
    "webapi_url": "https://mriqc.nimh.nih.gov/api/v1"
  },
  "size_t": 310,
  "size_x": 96,
  "size_y": 96,
  "size_z": 60,
  "snr": 2.2736632389538647,
  "spacing_tr": 1.5,
  "spacing_x": 2.0,
  "spacing_y": 2.0,
  "spacing_z": 2.0,
  "summary_bg_k": 56.89323945748992,
  "summary_bg_mad": 6.982580014793683,
  "summary_bg_mean": 42.35000991821289,
  "summary_bg_median": 25.34516143798828,
  "summary_bg_n": 314040.0,
  "summary_bg_p05": 19.487096786499023,
  "summary_bg_p95": 121.81612396240234,
  "summary_bg_stdv": 49.92245864868164,
  "summary_fg_k": 4.081301284688439,
  "summary_fg_mad": 186.93223659339907,
  "summary_fg_mean": 545.6453857421875,
  "summary_fg_median": 506.7257995605469,
  "summary_fg_n": 148966.0,
  "summary_fg_p05": 272.1008071899414,
  "summary_fg_p95": 955.6241760253906,
  "summary_fg_stdv": 222.8668212890625,
  "tsnr": 32.012344401329756
}