{
  "aor": 0.002000576923076923,
  "aqi": 0.019946320467032968,
  "bids_meta": {
    "CogAtlasID": "https://www.cognitiveatlas.org/task/id/trm_4c8991fadfe01",
    "DeviceSerialNumber": "45031",
    "DwellTime": 4.9e-06,
    "EchoTime": 0.028,
    "EffectiveEchoSpacing": 0.000355001,
    "FlipAngle": 64,
    "InstitutionAddress": "Washington Rd, Princeton, NJ 08540, USA",
    "InstitutionName": "Princeton University",
    "InstitutionalDepartmentName": "Princeton Neuroscience Institute",
    "MagneticFieldStrength": 3,
    "Manufacturer": "Siemens",
    "ManufacturersModelName": "Skyra",
    "NumberOfVolumesDiscardedByScanner": 3,
    "ParallelReductionFactorInPlane": 2,
    "ParallelReductionType": "GRAPPA",
    "PartialFourier": 1,
    "PhaseEncodingDirection": "j-",
    "PixelBandwidth": 1595,
    "PulseSequenceDetails": "%SiemensSeq%_ep2d_bold",
    "PulseSequenceType": "Gradient Echo EPI",
    "ReceiveCoilActiveElements": "HE1-4",
    "ReceiveCoilName": "HeadNeck_20",
    "RepetitionTime": 1.5,
    "ScanOptions": "FS",
    "ScanningSequence": "EP",
    "SequenceName": "_epfid2d1_64",
    "SequenceVariant": "SK",
    "SliceTiming": [
      0,
      0.7675,
      0.055,
      0.8225,
      0.1075,
      0.875,
      0.1625,
      0.93,
      0.2175,
      0.985,
      0.2725,
      1.04,
      0.3275,
      1.095,
      0.3825,
      1.15,
      0.4375,
      1.205,
      0.4925,
      1.26,
      0.5475,
      1.315,
      0.6025,
      1.37,
      0.6575,
      1.425,
      0.7125
    ],
    "SoftwareVersions": "syngo_MR_D13",
    "StationName": "AWP45031",
    "TaskDescription": "Passively listened to audio story 'sherlock'",
    "TaskName": "sherlock",
    "TotalReadoutTime": 0.022365,
    "dataset": "ds002345",
    "modality": "bold",
    "subject_id": "180",
    "task_id": "sherlock"
  },
  "dummy_trs": 0,
  "dvars_nstd": 23.930887385034417,
  "dvars_std": 1.1117624332049525,
  "dvars_vstd": 0.9737527342916095,
  "efc": 0.5878319820200724,
  "fber": 1653.44091796875,
  "fd_mean": 0.21913873047635354,
  "fd_num": 264,
  "fd_perc": 36.26373626373626,
  "fwhm_avg": 1.654981111111111,
  "fwhm_x": 1.6448366666666667,
  "fwhm_y": 1.8554166666666667,
  "fwhm_z": 1.46469,
  "gcor": 0.0204784,
  "gsr_x": -0.0023963251151144505,
  "gsr_y": 0.036635369062423706,
  "provenance": {
    "md5sum": "9172ee1e2d54329b629f40d32136cc91",
    "settings": {
      "fd_thres": 0.2,
      "testing": false
    },
    "software": "mriqc",
    "version": "22.0.0rc1",
    "webapi_port": null,
    "webapi_url": "https://mriqc.nimh.nih.gov/api/v1"
  },
  "size_t": 728,
  "size_x": 64,
  "size_y": 64,
  "size_z": 27,
  "snr": 7.149136431510344,
  "spacing_tr": 1.5,
  "spacing_x": 3.0,
  "spacing_y": 3.0,
  "spacing_z": 4.0,
  "summary_bg_k": 27.02383931444341,
  "summary_bg_mad": 12.058363532955504,
  "summary_bg_mean": 39.13754653930664,
  "summary_bg_median": 16.260990142822266,
  "summary_bg_n": 55133.0,
  "summary_bg_p05": 6.609890460968018,
  "summary_bg_p95": 149.87088012695304,
  "summary_bg_stdv": 67.45144653320312,
  "summary_fg_k": 2.6079625377185165,
  "summary_fg_mad": 89.84715134425429,
  "summary_fg_mean": 693.3897705078125,
  "summary_fg_median": 685.4876708984375,
  "summary_fg_n": 26932.0,
  "summary_fg_p05": 564.4986267089844,
  "summary_fg_p95": 852.9197998046875,
  "summary_fg_stdv": 95.8822021484375,
  "tsnr": 48.152801322285086
}