{
  "aor": 0.0005178437500000001,
  "aqi": 0.0122730029375,
  "bids_meta": {
    "CogAtlasID": "https://www.cognitiveatlas.org/task/id/trm_4c8991fadfe01",
    "DeviceSerialNumber": "66018",
    "DwellTime": 4.2e-06,
    "EchoTime": 0.039,
    "EffectiveEchoSpacing": 0.000929976,
    "FlipAngle": 50,
    "InstitutionAddress": "Washington Rd, Princeton, NJ 08540, USA",
    "InstitutionName": "Princeton University",
    "InstitutionalDepartmentName": "Princeton Neuroscience Institute",
    "MagneticFieldStrength": 3,
    "Manufacturer": "Siemens",
    "ManufacturersModelName": "Prisma",
    "NumberOfVolumesDiscardedByScanner": 3,
    "ParallelReductionType": "GRAPPA",
    "PartialFourier": 0.75,
    "PhaseEncodingDirection": "j-",
    "PixelBandwidth": 1240,
    "PulseSequenceDetails": "%CustomerSeq%_ep2d_bold_sms_mgh_v22",
    "PulseSequenceType": "Gradient Echo EPI",
    "ReceiveCoilActiveElements": "HC1-7;NC1,2",
    "ReceiveCoilName": "HeadNeck_64",
    "RepetitionTime": 1.5,
    "ScanOptions": "PFP_FS",
    "ScanningSequence": "EP",
    "SequenceName": "epfSM2d1_96",
    "SequenceVariant": "SK",
    "SliceTiming": [
      0.6925,
      0,
      0.79,
      0.1,
      0.8875,
      0.1975,
      0.9875,
      0.2975,
      1.085,
      0.395,
      1.185,
      0.495,
      1.2825,
      0.5925,
      1.3825,
      0.6925,
      0,
      0.79,
      0.1,
      0.8875,
      0.1975,
      0.9875,
      0.2975,
      1.085,
      0.395,
      1.185,
      0.495,
      1.2825,
      0.5925,
      1.3825,
      0.6925,
      0,
      0.79,
      0.1,
      0.8875,
      0.1975,
      0.9875,
      0.2975,
      1.085,
      0.395,
      1.185,
      0.495,
      1.2825,
      0.5925,
      1.3825,
      0.6925,
      0,
      0.79,
      0.1,
      0.8875,
      0.1975,
      0.9875,
      0.2975,
      1.085,
      0.395,
      1.185,
      0.495,
      1.2825,
      0.5925,
      1.3825
    ],
    "SoftwareVersions": "syngo_MR_D13D",
    "StationName": "AWP66018",
    "TaskDescription": "Passively listened to audio story 'shapesphysical'",
    "TaskName": "shapesphysical",
    "TotalReadoutTime": 0.0883478,
    "dataset": "ds002345",
    "modality": "bold",
    "subject_id": "231",
    "task_id": "shapesphysical"
  },
  "dummy_trs": 1,
  "dvars_nstd": 41.62142237567397,
  "dvars_std": 1.0822230502194357,
  "dvars_vstd": 0.9495177653605014,
  "efc": 0.5904184146373342,
  "fber": 327.5459289550781,
  "fd_mean": 0.16253754513952295,
  "fd_num": 77,
  "fd_perc": 24.0625,
  "fwhm_avg": 2.940986666666667,
  "fwhm_x": 2.685665,
  "fwhm_y": 3.135075,
  "fwhm_z": 3.00222,
  "gcor": 0.0105866,
  "gsr_x": -0.0010283815208822489,
  "gsr_y": 0.08396530896425247,
  "provenance": {
    "md5sum": "b35540534f74775118cd59658f8e8f74",
    "settings": {
      "fd_thres": 0.2,
      "testing": false
    },
    "software": "mriqc",
    "version": "22.0.0rc1",
    "webapi_port": null,
    "webapi_url": "https://mriqc.nimh.nih.gov/api/v1"
  },
  "size_t": 320,
  "size_x": 96,
  "size_y": 96,
  "size_z": 60,
  "snr": 2.106678484343538,
  "spacing_tr": 1.5,
  "spacing_x": 2.0,
  "spacing_y": 2.0,
  "spacing_z": 2.0,
  "summary_bg_k": 79.74469466287371,
  "summary_bg_mad": 8.659321885755693,
  "summary_bg_mean": 48.37349319458008,
  "summary_bg_median": 26.540624618530273,
  "summary_bg_n": 308485.0,
  "summary_bg_p05": 19.396875381469727,
  "summary_bg_p95": 140.32125854492185,
  "summary_bg_stdv": 69.26058959960938,
  "summary_fg_k": 5.060504677649501,
  "summary_fg_mad": 193.67652024484084,
  "summary_fg_mean": 536.5579223632812,
  "summary_fg_median": 494.84375,
  "summary_fg_n": 157204.0,
  "summary_fg_p05": 253.2062530517578,
  "summary_fg_p95": 953.0088958740238,
  "summary_fg_stdv": 234.89212036132812,
  "tsnr": 31.639670987147838
}