{
  "bids_meta": {
    "DeviceSerialNumber": "45031",
    "DwellTime": 8.2e-06,
    "EchoTime": 0.00308,
    "FlipAngle": 9,
    "InstitutionAddress": "Washington Rd, Princeton, NJ 08540, USA",
    "InstitutionName": "Princeton University",
    "InstitutionalDepartmentName": "Princeton Neuroscience Institute",
    "InversionTime": 0.9,
    "MagneticFieldStrength": 3,
    "Manufacturer": "Siemens",
    "ManufacturersModelName": "Skyra",
    "ParallelReductionFactorInPlane": 2,
    "ParallelReductionType": "GRAPPA",
    "PartialFourier": 1,
    "PixelBandwidth": 240,
    "PulseSequenceDetails": "%SiemensSeq%_tfl",
    "PulseSequenceType": "MPRAGE",
    "ReceiveCoilActiveElements": "HE1-4",
    "ReceiveCoilName": "HeadNeck_20",
    "RepetitionTime": 2.3,
    "ScanOptions": "IR",
    "ScanningSequence": "GR_IR",
    "SequenceName": "_tfl3d1_16ns",
    "SequenceVariant": "SK_SP_MP",
    "SoftwareVersions": "syngo_MR_D11",
    "StationName": "AWP45031",
    "dataset": "ds002345",
    "modality": "T1w",
    "subject_id": "053"
  },
  "cjv": 0.534393774516745,
  "cnr": 2.4440478085927375,
  "efc": 0.6770311936205762,
  "fber": 793.9318091633345,
  "fwhm_avg": 3.371268433653464,
  "fwhm_x": 3.3535667555058466,
  "fwhm_y": 3.553780363636364,
  "fwhm_z": 3.206458181818182,
  "icvs_csf": 0.17740983510038122,
  "icvs_gm": 0.4292752709448563,
  "icvs_wm": 0.3933148939547625,
  "inu_med": 1.434178352355957,
  "inu_range": 0.6542113542556764,
  "provenance": {
    "md5sum": "567518ce4e65f4d0f6a9998898e0b65d",
    "settings": {
      "testing": false
    },
    "software": "mriqc",
    "version": "21.0.0rc2",
    "warnings": {
      "large_rot_frame": true,
      "small_air_mask": false
    },
    "webapi_port": null,
    "webapi_url": "https://mriqc.nimh.nih.gov/api/v1"
  },
  "qi_1": 1.657702224250873e-05,
  "qi_2": 0.003396276253122097,
  "rpve_csf": 18.12753286918349,
  "rpve_gm": 8.352995999180015,
  "rpve_wm": 10.825583205423104,
  "size_x": 192,
  "size_y": 256,
  "size_z": 256,
  "snr_csf": 2.405109094977373,
  "snr_gm": 8.782600382130404,
  "snr_total": 8.519330971471488,
  "snr_wm": 14.37028343730669,
  "snrd_csf": 19.212617315103742,
  "snrd_gm": 37.26668484236203,
  "snrd_total": 35.82963750936142,
  "snrd_wm": 51.009610370618496,
  "spacing_x": 0.8999999761581421,
  "spacing_y": 0.859375,
  "spacing_z": 0.859375,
  "summary_bg_k": 941.1307444809343,
  "summary_bg_mad": 12.844325879403968,
  "summary_bg_mean": 22.06605663357151,
  "summary_bg_median": 20.384390950202942,
  "summary_bg_n": 2337241.0,
  "summary_bg_p05": 2.9120558500289917,
  "summary_bg_p95": 48.34012711048126,
  "summary_bg_stdv": 19.739505543940506,
  "summary_csf_k": 25.36151254345482,
  "summary_csf_mad": 164.4937196656441,
  "summary_csf_mean": 388.714024532112,
  "summary_csf_median": 376.6744242012501,
  "summary_csf_n": 16909.0,
  "summary_csf_p05": 182.44029900431633,
  "summary_csf_p95": 614.1380184918639,
  "summary_csf_stdv": 156.60964674785563,
  "summary_gm_k": 0.6908420264405182,
  "summary_gm_mad": 75.9866001605075,
  "summary_gm_mean": 733.7448933133408,
  "summary_gm_median": 730.634812772274,
  "summary_gm_n": 35112.0,
  "summary_gm_p05": 601.9947455972433,
  "summary_gm_p95": 876.7799756757913,
  "summary_gm_stdv": 83.18998662838973,
  "summary_wm_k": 0.2566705466223471,
  "summary_wm_mad": 67.9993723027269,
  "summary_wm_mean": 1001.317547730239,
  "summary_wm_median": 1000.0727802962065,
  "summary_wm_n": 393882.0,
  "summary_wm_p05": 889.0506510138512,
  "summary_wm_p95": 1116.846219882369,
  "summary_wm_stdv": 69.59302613273539,
  "tpm_overlap_csf": 0.16943377256393433,
  "tpm_overlap_gm": 0.4415608048439026,
  "tpm_overlap_wm": 0.49875369668006897,
  "wm2max": 0.4430926629264142
}