{
  "aor": 0.003198780487804878,
  "aqi": 0.010031651983739837,
  "bids_meta": {
    "CogAtlasID": "https://www.cognitiveatlas.org/task/id/trm_4c8991fadfe01",
    "DeviceSerialNumber": "45031",
    "DwellTime": 4.9e-06,
    "EchoTime": 0.028,
    "EffectiveEchoSpacing": 0.000355001,
    "FlipAngle": 64,
    "InstitutionAddress": "Washington Rd, Princeton, NJ 08540, USA",
    "InstitutionName": "Princeton University",
    "InstitutionalDepartmentName": "Princeton Neuroscience Institute",
    "MagneticFieldStrength": 3,
    "Manufacturer": "Siemens",
    "ManufacturersModelName": "Skyra",
    "NumberOfVolumesDiscardedByScanner": 3,
    "ParallelReductionFactorInPlane": 2,
    "ParallelReductionType": "GRAPPA",
    "PartialFourier": 1,
    "PhaseEncodingDirection": "j-",
    "PixelBandwidth": 1595,
    "PulseSequenceDetails": "%SiemensSeq%_ep2d_bold",
    "PulseSequenceType": "Gradient Echo EPI",
    "ReceiveCoilActiveElements": "HE1-4",
    "ReceiveCoilName": "HeadNeck_20",
    "RepetitionTime": 1.5,
    "ScanOptions": "FS",
    "ScanningSequence": "EP",
    "SequenceName": "_epfid2d1_64",
    "SequenceVariant": "SK",
    "SliceTiming": [
      0,
      0.7675,
      0.055,
      0.8225,
      0.1075,
      0.875,
      0.1625,
      0.93,
      0.2175,
      0.985,
      0.2725,
      1.04,
      0.3275,
      1.095,
      0.3825,
      1.15,
      0.4375,
      1.205,
      0.4925,
      1.26,
      0.5475,
      1.315,
      0.6025,
      1.37,
      0.6575,
      1.425,
      0.7125
    ],
    "SoftwareVersions": "syngo_MR_D13",
    "StationName": "AWP45031",
    "TaskDescription": "Passively listened to audio story 'merlin'",
    "TaskName": "merlin",
    "TotalReadoutTime": 0.022365,
    "dataset": "ds002345",
    "modality": "bold",
    "subject_id": "175",
    "task_id": "merlin"
  },
  "dummy_trs": 1,
  "dvars_nstd": 21.853459532182402,
  "dvars_std": 1.1958463384853424,
  "dvars_vstd": 1.0478371190716609,
  "efc": 0.5972046774854529,
  "fber": 1916.0,
  "fd_mean": 0.13551363279102718,
  "fd_num": 67,
  "fd_perc": 10.894308943089431,
  "fwhm_avg": 1.645542777777778,
  "fwhm_x": 1.5755100000000002,
  "fwhm_y": 1.8863933333333334,
  "fwhm_z": 1.474725,
  "gcor": 0.0231303,
  "gsr_x": -0.017974892631173134,
  "gsr_y": 0.05065592750906944,
  "provenance": {
    "md5sum": "0f16da61beff35b756bd31b3645c4c1a",
    "settings": {
      "fd_thres": 0.2,
      "testing": false
    },
    "software": "mriqc",
    "version": "22.0.0rc1",
    "webapi_port": null,
    "webapi_url": "https://mriqc.nimh.nih.gov/api/v1"
  },
  "size_t": 615,
  "size_x": 64,
  "size_y": 64,
  "size_z": 27,
  "snr": 7.8881089166892275,
  "spacing_tr": 1.5,
  "spacing_x": 3.0,
  "spacing_y": 3.0,
  "spacing_z": 4.0,
  "summary_bg_k": 25.156757634200243,
  "summary_bg_mad": 8.697933203755486,
  "summary_bg_mean": 37.100135803222656,
  "summary_bg_median": 13.94471549987793,
  "summary_bg_n": 54227.0,
  "summary_bg_p05": 7.037398338317871,
  "summary_bg_p95": 141.43333435058577,
  "summary_bg_stdv": 60.619850158691406,
  "summary_fg_k": 2.9981643328967564,
  "summary_fg_mad": 76.97233828618357,
  "summary_fg_mean": 644.32470703125,
  "summary_fg_median": 641.5056762695312,
  "summary_fg_n": 27457.0,
  "summary_fg_p05": 530.5512084960938,
  "summary_fg_p95": 773.5196655273435,
  "summary_fg_stdv": 81.32418060302734,
  "tsnr": 66.39940706361085
}