{
  "aor": 0.0039643939393939395,
  "aqi": 0.01736589143250689,
  "bids_meta": {
    "CogAtlasID": "https://www.cognitiveatlas.org/task/id/trm_4c8991fadfe01",
    "DeviceSerialNumber": "45031",
    "DwellTime": 4.9e-06,
    "EchoTime": 0.028,
    "EffectiveEchoSpacing": 0.000355001,
    "FlipAngle": 64,
    "InstitutionAddress": "Washington Rd, Princeton, NJ 08540, USA",
    "InstitutionName": "Princeton University",
    "InstitutionalDepartmentName": "Princeton Neuroscience Institute",
    "MagneticFieldStrength": 3,
    "Manufacturer": "Siemens",
    "ManufacturersModelName": "Skyra",
    "NumberOfVolumesDiscardedByScanner": 3,
    "ParallelReductionFactorInPlane": 2,
    "ParallelReductionType": "GRAPPA",
    "PartialFourier": 1,
    "PhaseEncodingDirection": "j-",
    "PixelBandwidth": 1595,
    "PulseSequenceDetails": "%SiemensSeq%_ep2d_bold",
    "PulseSequenceType": "Gradient Echo EPI",
    "ReceiveCoilActiveElements": "HE1-4",
    "ReceiveCoilName": "HeadNeck_20",
    "RepetitionTime": 1.5,
    "ScanOptions": "FS",
    "ScanningSequence": "EP",
    "SequenceName": "_epfid2d1_64",
    "SequenceVariant": "SK",
    "SliceTiming": [
      0,
      0.7675,
      0.055,
      0.8225,
      0.1075,
      0.875,
      0.1625,
      0.93,
      0.2175,
      0.985,
      0.2725,
      1.04,
      0.3275,
      1.095,
      0.3825,
      1.15,
      0.4375,
      1.205,
      0.4925,
      1.26,
      0.5475,
      1.315,
      0.6025,
      1.37,
      0.6575,
      1.425,
      0.7125
    ],
    "SoftwareVersions": "syngo_MR_D13",
    "StationName": "AWP45031",
    "TaskDescription": "Passively listened to audio story 'sherlock'",
    "TaskName": "sherlock",
    "TotalReadoutTime": 0.022365,
    "dataset": "ds002345",
    "modality": "bold",
    "subject_id": "175",
    "task_id": "sherlock"
  },
  "dummy_trs": 0,
  "dvars_nstd": 22.54595090937929,
  "dvars_std": 1.1621950055862087,
  "dvars_vstd": 1.021097897324138,
  "efc": 0.5972982969768148,
  "fber": 1826.4783935546875,
  "fd_mean": 0.14759432090914948,
  "fd_num": 104,
  "fd_perc": 14.325068870523417,
  "fwhm_avg": 1.661063888888889,
  "fwhm_x": 1.58415,
  "fwhm_y": 1.8957866666666667,
  "fwhm_z": 1.503255,
  "gcor": 0.0224418,
  "gsr_x": -0.016379250213503838,
  "gsr_y": 0.04881291463971138,
  "provenance": {
    "md5sum": "4872d0d785f615578c00861a633c03d9",
    "settings": {
      "fd_thres": 0.2,
      "testing": false
    },
    "software": "mriqc",
    "version": "22.0.0rc1",
    "webapi_port": null,
    "webapi_url": "https://mriqc.nimh.nih.gov/api/v1"
  },
  "size_t": 726,
  "size_x": 64,
  "size_y": 64,
  "size_z": 27,
  "snr": 7.899509387118831,
  "spacing_tr": 1.5,
  "spacing_x": 3.0,
  "spacing_y": 3.0,
  "spacing_z": 4.0,
  "summary_bg_k": 24.681850667724333,
  "summary_bg_mad": 9.071239099498175,
  "summary_bg_mean": 37.032344818115234,
  "summary_bg_median": 14.320937156677246,
  "summary_bg_n": 54268.0,
  "summary_bg_p05": 7.12582643032074,
  "summary_bg_p95": 140.55537872314446,
  "summary_bg_stdv": 60.145023345947266,
  "summary_fg_k": 2.8751946006252513,
  "summary_fg_mad": 77.64160867241816,
  "summary_fg_mean": 648.9791259765625,
  "summary_fg_median": 645.98828125,
  "summary_fg_n": 27524.0,
  "summary_fg_p05": 534.6439666748047,
  "summary_fg_p95": 779.7795166015625,
  "summary_fg_stdv": 81.77426147460938,
  "tsnr": 55.56124502979219
}