{
  "aor": 0.0009648210526315789,
  "aqi": 0.008726464757894738,
  "bids_meta": {
    "CogAtlasID": "https://www.cognitiveatlas.org/task/id/trm_4c8991fadfe01",
    "DeviceSerialNumber": "45031",
    "DwellTime": 5.4e-06,
    "EchoTime": 0.028,
    "EffectiveEchoSpacing": 0.000390001,
    "FlipAngle": 64,
    "InstitutionAddress": "Washington Rd, Princeton, NJ 08540, USA",
    "InstitutionName": "Princeton University",
    "InstitutionalDepartmentName": "Princeton Neuroscience Institute",
    "MagneticFieldStrength": 3,
    "Manufacturer": "Siemens",
    "ManufacturersModelName": "Skyra",
    "NumberOfVolumesDiscardedByScanner": 3,
    "ParallelReductionFactorInPlane": 2,
    "ParallelReductionType": "GRAPPA",
    "PartialFourier": 1,
    "PhaseEncodingDirection": "j-",
    "PixelBandwidth": 1445,
    "PulseSequenceDetails": "%SiemensSeq%_ep2d_bold",
    "PulseSequenceType": "Gradient Echo EPI",
    "ReceiveCoilActiveElements": "HE1-4",
    "ReceiveCoilName": "HeadNeck_20",
    "RepetitionTime": 1.5,
    "ScanOptions": "FS",
    "ScanningSequence": "EP",
    "SequenceName": "_epfid2d1_64",
    "SequenceVariant": "SK",
    "SliceTiming": [
      0,
      0.7775,
      0.055,
      0.8325,
      0.11,
      0.8875,
      0.165,
      0.9425,
      0.22,
      0.9975,
      0.2775,
      1.055,
      0.3325,
      1.11,
      0.3875,
      1.165,
      0.4425,
      1.22,
      0.5,
      1.2775,
      0.555,
      1.3325,
      0.61,
      1.3875,
      0.665,
      1.4425,
      0.72
    ],
    "SoftwareVersions": "syngo_MR_D11",
    "StationName": "AWP45031",
    "TaskDescription": "Passively listened to audio story 'prettymouth'",
    "TaskName": "prettymouth",
    "TotalReadoutTime": 0.0245701,
    "dataset": "ds002345",
    "modality": "bold",
    "subject_id": "107",
    "task_id": "prettymouth"
  },
  "dummy_trs": 0,
  "dvars_nstd": 22.507410604746838,
  "dvars_std": 1.21712600913502,
  "dvars_vstd": 0.9822187338818562,
  "efc": 0.5709978573427393,
  "fber": 1652.3839111328125,
  "fd_mean": 0.10118108572766969,
  "fd_num": 20,
  "fd_perc": 4.2105263157894735,
  "fwhm_avg": 1.845493430113412,
  "fwhm_x": 1.82448,
  "fwhm_y": 2.0883,
  "fwhm_z": 1.623700290340237,
  "gcor": 0.0754605,
  "gsr_x": -0.012164914980530739,
  "gsr_y": 0.044074736535549164,
  "provenance": {
    "md5sum": "55d7228bab38baef5331a48c72553716",
    "settings": {
      "fd_thres": 0.2,
      "testing": false
    },
    "software": "mriqc",
    "version": "22.0.0rc1",
    "webapi_port": null,
    "webapi_url": "https://mriqc.nimh.nih.gov/api/v1"
  },
  "size_t": 475,
  "size_x": 64,
  "size_y": 64,
  "size_z": 27,
  "snr": 7.0628872347037435,
  "spacing_tr": 1.5,
  "spacing_x": 3.0,
  "spacing_y": 3.0,
  "spacing_z": 3.9999992847442627,
  "summary_bg_k": 17.825764739948163,
  "summary_bg_mad": 13.256025592536677,
  "summary_bg_mean": 41.44485855102539,
  "summary_bg_median": 17.856842041015625,
  "summary_bg_n": 58692.0,
  "summary_bg_p05": 7.324210166931152,
  "summary_bg_p95": 154.3890441894531,
  "summary_bg_stdv": 61.52207946777344,
  "summary_fg_k": 2.7074447149004497,
  "summary_fg_mad": 94.92712713419982,
  "summary_fg_mean": 772.6334838867188,
  "summary_fg_median": 764.273681640625,
  "summary_fg_n": 24784.0,
  "summary_fg_p05": 623.7783782958984,
  "summary_fg_p95": 950.5604888916015,
  "summary_fg_stdv": 108.20762634277344,
  "tsnr": 65.66057909815572
}