{
  "aor": 0.00025777777777777783,
  "aqi": 0.008808105084175085,
  "bids_meta": {
    "CogAtlasID": "https://www.cognitiveatlas.org/task/id/trm_4c8991fadfe01",
    "DeviceSerialNumber": "45031",
    "DwellTime": 5.4e-06,
    "EchoTime": 0.028,
    "EffectiveEchoSpacing": 0.000390001,
    "FlipAngle": 64,
    "InstitutionAddress": "Washington Rd, Princeton, NJ 08540, USA",
    "InstitutionName": "Princeton University",
    "InstitutionalDepartmentName": "Princeton Neuroscience Institute",
    "MagneticFieldStrength": 3,
    "Manufacturer": "Siemens",
    "ManufacturersModelName": "Skyra",
    "NumberOfVolumesDiscardedByScanner": 3,
    "ParallelReductionFactorInPlane": 2,
    "ParallelReductionType": "GRAPPA",
    "PartialFourier": 1,
    "PhaseEncodingDirection": "j-",
    "PixelBandwidth": 1445,
    "PulseSequenceDetails": "%SiemensSeq%_ep2d_bold",
    "PulseSequenceType": "Gradient Echo EPI",
    "ReceiveCoilActiveElements": "HE1-4",
    "ReceiveCoilName": "HeadNeck_20",
    "RepetitionTime": 1.5,
    "ScanOptions": "FS",
    "ScanningSequence": "EP",
    "SequenceName": "_epfid2d1_64",
    "SequenceVariant": "SK",
    "SliceTiming": [
      0,
      0.7775,
      0.055,
      0.8325,
      0.11,
      0.8875,
      0.165,
      0.9425,
      0.22,
      0.9975,
      0.2775,
      1.055,
      0.3325,
      1.11,
      0.3875,
      1.165,
      0.4425,
      1.22,
      0.5,
      1.2775,
      0.555,
      1.3325,
      0.61,
      1.3875,
      0.665,
      1.4425,
      0.72
    ],
    "SoftwareVersions": "syngo_MR_D11",
    "StationName": "AWP45031",
    "TaskDescription": "Passively listened to audio story 'milkyway'",
    "TaskName": "milkyway",
    "TotalReadoutTime": 0.0245701,
    "dataset": "ds002345",
    "modality": "bold",
    "subject_id": "107",
    "task_id": "milkyway"
  },
  "dummy_trs": 0,
  "dvars_nstd": 21.71200343057432,
  "dvars_std": 1.1689881933783786,
  "dvars_vstd": 0.9469265569256762,
  "efc": 0.5694046192196567,
  "fber": 1714.5179443359375,
  "fd_mean": 0.08842122341488365,
  "fd_num": 4,
  "fd_perc": 1.3468013468013469,
  "fwhm_avg": 1.8758167656819202,
  "fwhm_x": 1.8412266666666666,
  "fwhm_y": 2.1250233333333335,
  "fwhm_z": 1.6612002970457609,
  "gcor": 0.0455659,
  "gsr_x": -0.010041984729468822,
  "gsr_y": 0.04023231938481331,
  "provenance": {
    "md5sum": "dd2aa7d1b43d28e586644f145bd1281c",
    "settings": {
      "fd_thres": 0.2,
      "testing": false
    },
    "software": "mriqc",
    "version": "22.0.0rc1",
    "webapi_port": null,
    "webapi_url": "https://mriqc.nimh.nih.gov/api/v1"
  },
  "size_t": 297,
  "size_x": 64,
  "size_y": 64,
  "size_z": 27,
  "snr": 6.992678791758243,
  "spacing_tr": 1.5,
  "spacing_x": 3.0,
  "spacing_y": 3.0,
  "spacing_z": 3.9999992847442627,
  "summary_bg_k": 18.00443597775495,
  "summary_bg_mad": 12.399943899429138,
  "summary_bg_mean": 39.309574127197266,
  "summary_bg_median": 17.41750717163086,
  "summary_bg_n": 58293.0,
  "summary_bg_p05": 7.505050182342529,
  "summary_bg_p95": 145.51581726074193,
  "summary_bg_stdv": 57.37837219238281,
  "summary_fg_k": 2.8635388272997098,
  "summary_fg_mad": 94.3673959316506,
  "summary_fg_mean": 769.1565551757812,
  "summary_fg_median": 760.3030395507812,
  "summary_fg_n": 24935.0,
  "summary_fg_p05": 622.0878845214844,
  "summary_fg_p95": 947.5787780761718,
  "summary_fg_stdv": 108.72625732421875,
  "tsnr": 69.92636929266155
}