{
  "aor": 0.0017308038585209004,
  "aqi": 0.006316738488745981,
  "bids_meta": {
    "CogAtlasID": "https://www.cognitiveatlas.org/task/id/trm_4c8991fadfe01",
    "DeviceSerialNumber": "66018",
    "DwellTime": 4.2e-06,
    "EchoTime": 0.039,
    "EffectiveEchoSpacing": 0.000929976,
    "FlipAngle": 50,
    "InstitutionAddress": "Washington Rd, Princeton, NJ 08540, USA",
    "InstitutionName": "Princeton University",
    "InstitutionalDepartmentName": "Princeton Neuroscience Institute",
    "MagneticFieldStrength": 3,
    "Manufacturer": "Siemens",
    "ManufacturersModelName": "Prisma",
    "NumberOfVolumesDiscardedByScanner": 3,
    "ParallelReductionType": "GRAPPA",
    "PartialFourier": 0.75,
    "PhaseEncodingDirection": "j-",
    "PixelBandwidth": 1240,
    "PulseSequenceDetails": "%CustomerSeq%_ep2d_bold_sms_mgh_v22",
    "PulseSequenceType": "Gradient Echo EPI",
    "ReceiveCoilActiveElements": "HC1-7;NC1,2",
    "ReceiveCoilName": "HeadNeck_64",
    "RepetitionTime": 1.5,
    "ScanOptions": "PFP_FS",
    "ScanningSequence": "EP",
    "SequenceName": "epfSM2d1_96",
    "SequenceVariant": "SK",
    "SliceTiming": [
      0.6925,
      0,
      0.79,
      0.1,
      0.8875,
      0.1975,
      0.9875,
      0.2975,
      1.085,
      0.395,
      1.185,
      0.495,
      1.2825,
      0.5925,
      1.3825,
      0.6925,
      0,
      0.79,
      0.1,
      0.8875,
      0.1975,
      0.9875,
      0.2975,
      1.085,
      0.395,
      1.185,
      0.495,
      1.2825,
      0.5925,
      1.3825,
      0.6925,
      0,
      0.79,
      0.1,
      0.8875,
      0.1975,
      0.9875,
      0.2975,
      1.085,
      0.395,
      1.185,
      0.495,
      1.2825,
      0.5925,
      1.3825,
      0.6925,
      0,
      0.79,
      0.1,
      0.8875,
      0.1975,
      0.9875,
      0.2975,
      1.085,
      0.395,
      1.185,
      0.495,
      1.2825,
      0.5925,
      1.3825
    ],
    "SoftwareVersions": "syngo_MR_D13D",
    "StationName": "AWP66018",
    "TaskDescription": "Passively listened to audio story 'shapessocial'",
    "TaskName": "shapessocial",
    "TotalReadoutTime": 0.0883478,
    "dataset": "ds002345",
    "modality": "bold",
    "subject_id": "232",
    "task_id": "shapessocial"
  },
  "dummy_trs": 0,
  "dvars_nstd": 34.1239941198387,
  "dvars_std": 1.0914695121612905,
  "dvars_vstd": 0.9893176030967739,
  "efc": 0.5704757407254534,
  "fber": 364.2513122558594,
  "fd_mean": 0.09341050949924458,
  "fd_num": 7,
  "fd_perc": 2.2508038585209005,
  "fwhm_avg": 3.054918333333333,
  "fwhm_x": 2.89405,
  "fwhm_y": 3.290445,
  "fwhm_z": 2.98026,
  "gcor": 0.0162451,
  "gsr_x": 0.005987375043332577,
  "gsr_y": 0.046977438032627106,
  "provenance": {
    "md5sum": "949f7a925d978c531612f160cd00b0b8",
    "settings": {
      "fd_thres": 0.2,
      "testing": false
    },
    "software": "mriqc",
    "version": "22.0.0rc1",
    "webapi_port": null,
    "webapi_url": "https://mriqc.nimh.nih.gov/api/v1"
  },
  "size_t": 311,
  "size_x": 96,
  "size_y": 96,
  "size_z": 60,
  "snr": 2.1261514538713935,
  "spacing_tr": 1.5,
  "spacing_x": 2.0,
  "spacing_y": 2.0,
  "spacing_z": 2.0,
  "summary_bg_k": 54.11794099264826,
  "summary_bg_mad": 7.336735782698772,
  "summary_bg_mean": 41.89027404785156,
  "summary_bg_median": 26.720256805419922,
  "summary_bg_n": 316442.0,
  "summary_bg_p05": 20.59807014465332,
  "summary_bg_p95": 108.71044883728031,
  "summary_bg_stdv": 46.11069869995117,
  "summary_fg_k": 4.144935708696617,
  "summary_fg_mad": 202.9210436818512,
  "summary_fg_mean": 574.3294067382812,
  "summary_fg_median": 526.8729858398438,
  "summary_fg_n": 147928.0,
  "summary_fg_p05": 279.66558837890625,
  "summary_fg_p95": 1035.8195434570312,
  "summary_fg_stdv": 247.80511474609375,
  "tsnr": 38.89143846463412
}