{
  "aor": 0.0013289506447309914,
  "aqi": 0.027549983063583815,
  "bids_meta": {
    "CogAtlasID": "https://www.cognitiveatlas.org/task/id/trm_4c8991fadfe01",
    "DeviceSerialNumber": "45031",
    "DwellTime": 4.9e-06,
    "EchoTime": 0.028,
    "EffectiveEchoSpacing": 0.000355001,
    "FlipAngle": 64,
    "InstitutionAddress": "Washington Rd, Princeton, NJ 08540, USA",
    "InstitutionName": "Princeton University",
    "InstitutionalDepartmentName": "Princeton Neuroscience Institute",
    "MagneticFieldStrength": 3,
    "Manufacturer": "Siemens",
    "ManufacturersModelName": "Skyra",
    "NumberOfVolumesDiscardedByScanner": 3,
    "ParallelReductionFactorInPlane": 2,
    "ParallelReductionType": "GRAPPA",
    "PartialFourier": 1,
    "PhaseEncodingDirection": "j-",
    "PixelBandwidth": 1595,
    "PulseSequenceDetails": "%SiemensSeq%_ep2d_bold",
    "PulseSequenceType": "Gradient Echo EPI",
    "ReceiveCoilActiveElements": "HE1-4",
    "ReceiveCoilName": "HeadNeck_20",
    "RepetitionTime": 1.5,
    "ScanOptions": "FS",
    "ScanningSequence": "EP",
    "SequenceName": "_epfid2d1_64",
    "SequenceVariant": "SK",
    "SliceTiming": [
      0,
      0.7675,
      0.055,
      0.8225,
      0.11,
      0.8775,
      0.165,
      0.9325,
      0.22,
      0.9875,
      0.275,
      1.0425,
      0.33,
      1.0975,
      0.385,
      1.1525,
      0.44,
      1.2075,
      0.495,
      1.2625,
      0.55,
      1.315,
      0.6025,
      1.37,
      0.6575,
      1.425,
      0.7125
    ],
    "SoftwareVersions": "syngo_MR_E11",
    "StationName": "AWP45031",
    "TaskDescription": "Passively listened to audio story '21styear'",
    "TaskName": "21styear",
    "TotalReadoutTime": 0.022365,
    "dataset": "ds002345",
    "modality": "bold",
    "subject_id": "271",
    "task_id": "21styear"
  },
  "dummy_trs": 0,
  "dvars_nstd": 22.555527352726827,
  "dvars_std": 1.1206027861209955,
  "dvars_vstd": 0.9784672856717073,
  "efc": 0.5669174761490059,
  "fber": 2368.390869140625,
  "fd_mean": 0.22280077696906705,
  "fd_num": 825,
  "fd_perc": 36.68297020898177,
  "fwhm_avg": 1.7303789168116799,
  "fwhm_x": 1.7063766666666667,
  "fwhm_y": 2.07936,
  "fwhm_z": 1.4054000837683727,
  "gcor": 0.0197356,
  "gsr_x": -0.009128267876803875,
  "gsr_y": 0.05407898128032684,
  "provenance": {
    "md5sum": "6d38fd8895c0610255edbb4992a78077",
    "settings": {
      "fd_thres": 0.2,
      "testing": false
    },
    "software": "mriqc",
    "version": "22.0.0rc1",
    "webapi_port": null,
    "webapi_url": "https://mriqc.nimh.nih.gov/api/v1"
  },
  "size_t": 2249,
  "size_x": 64,
  "size_y": 64,
  "size_z": 27,
  "snr": 7.271944558767121,
  "spacing_tr": 1.5,
  "spacing_x": 3.0,
  "spacing_y": 3.0,
  "spacing_z": 3.999999761581421,
  "summary_bg_k": 35.26966236921318,
  "summary_bg_mad": 10.305701245998222,
  "summary_bg_mean": 35.6533317565918,
  "summary_bg_median": 14.760782241821289,
  "summary_bg_n": 56727.0,
  "summary_bg_p05": 6.369186353683472,
  "summary_bg_p95": 126.13450546264646,
  "summary_bg_stdv": 59.7569694519043,
  "summary_fg_k": 2.8047583322483636,
  "summary_fg_mad": 94.2352792788785,
  "summary_fg_mean": 747.6837768554688,
  "summary_fg_median": 737.8038940429688,
  "summary_fg_n": 25271.0,
  "summary_fg_p05": 612.45751953125,
  "summary_fg_p95": 915.6829528808594,
  "summary_fg_stdv": 101.45694732666016,
  "tsnr": 40.054718249535654
}