{
  "bids_meta": {
    "DeviceSerialNumber": "66018",
    "DwellTime": 9.8e-06,
    "EchoTime": 0.00267,
    "FlipAngle": 7,
    "InstitutionAddress": "Washington Rd, Building 25, Princeton, NJ 08540, USA",
    "InstitutionName": "Princeton University",
    "InstitutionalDepartmentName": "Princeton Neuroscience Institute",
    "InversionTime": 1.2,
    "MagneticFieldStrength": 3,
    "Manufacturer": "Siemens",
    "ManufacturersModelName": "Prisma",
    "ParallelReductionFactorInPlane": 2,
    "ParellelReductionType": "TODO",
    "PartialFourier": 1,
    "PixelBandwidth": 200,
    "PulseSequenceDetails": "%SiemensSeq%_tfl",
    "PulseSequenceType": "MPRAGE",
    "ReceiveCoilActiveElements": "HC1-7;NC1",
    "ReceiveCoilName": "HeadNeck_64",
    "RepetitionTime": 2.53,
    "ScanOptions": "IR",
    "ScanningSequence": "GR_IR",
    "SequenceName": "_tfl3d1_16",
    "SequenceVariant": "SK_SP_MP",
    "SoftwareVersions": "syngo_MR_D13D",
    "StationName": "AWP66018",
    "dataset": "ds002345",
    "modality": "T1w",
    "run_id": 2,
    "subject_id": "132"
  },
  "cjv": 0.4077071303234348,
  "cnr": 3.096387202063495,
  "efc": 0.5918499663512535,
  "fber": 379.32826196128565,
  "fwhm_avg": 3.92051,
  "fwhm_x": 3.76752,
  "fwhm_y": 4.07499,
  "fwhm_z": 3.91902,
  "icvs_csf": 0.18930856211170627,
  "icvs_gm": 0.4220400051982825,
  "icvs_wm": 0.38865143269001123,
  "inu_med": 1.0633654594421387,
  "inu_range": 0.5072871148586273,
  "provenance": {
    "md5sum": "e74547055f36175f1631cdf24d0f0f17",
    "settings": {
      "testing": false
    },
    "software": "mriqc",
    "version": "22.0.0rc1",
    "warnings": {
      "large_rot_frame": true,
      "small_air_mask": false
    },
    "webapi_port": null,
    "webapi_url": "https://mriqc.nimh.nih.gov/api/v1"
  },
  "qi_1": 0.00012619226331044968,
  "qi_2": 0.0029742931156784614,
  "rpve_csf": 24.1338630729402,
  "rpve_gm": 11.74218328715429,
  "rpve_wm": 15.714154749814728,
  "size_x": 176,
  "size_y": 256,
  "size_z": 256,
  "snr_csf": 1.9979929489004522,
  "snr_gm": 10.533633469078762,
  "snr_total": 10.698282883761925,
  "snr_wm": 19.56322223330656,
  "snrd_csf": 10.595784758409511,
  "snrd_gm": 21.808325044903906,
  "snrd_total": 20.81048480027877,
  "snrd_wm": 30.027344597522887,
  "spacing_x": 1.0,
  "spacing_y": 1.0,
  "spacing_z": 1.0,
  "summary_bg_k": 26.873330425620885,
  "summary_bg_mad": 21.817991200778607,
  "summary_bg_mean": 39.48410983302585,
  "summary_bg_median": 37.510173827409744,
  "summary_bg_n": 3112476.0,
  "summary_bg_p05": 9.017470836639404,
  "summary_bg_p95": 76.71112343668938,
  "summary_bg_stdv": 21.15923448732022,
  "summary_csf_k": 11.562921437160279,
  "summary_csf_mad": 209.26703049597864,
  "summary_csf_mean": 355.9671527139175,
  "summary_csf_median": 352.87116780877113,
  "summary_csf_n": 6535.0,
  "summary_csf_p05": 135.99473205506803,
  "summary_csf_p95": 579.5791516274213,
  "summary_csf_stdv": 176.59930602402693,
  "summary_gm_k": 0.12548194741107066,
  "summary_gm_mad": 67.96072152753166,
  "summary_gm_mean": 727.2225680564616,
  "summary_gm_median": 726.2821303009987,
  "summary_gm_n": 37140.0,
  "summary_gm_p05": 615.3140108838677,
  "summary_gm_p95": 842.945659250021,
  "summary_gm_stdv": 68.94794229742105,
  "summary_wm_k": 2.7693523499243895,
  "summary_wm_mad": 43.635982401557214,
  "summary_wm_mean": 1004.9770194921296,
  "summary_wm_median": 999.9999429881573,
  "summary_wm_n": 237788.0,
  "summary_wm_p05": 932.3689117133617,
  "summary_wm_p95": 1093.4309602677822,
  "summary_wm_stdv": 51.116213287718,
  "tpm_overlap_csf": 0.17338593304157257,
  "tpm_overlap_gm": 0.44202467799186707,
  "tpm_overlap_wm": 0.5173417925834656,
  "wm2max": 0.45024952773000254
}