{
  "bids_meta": {
    "DeviceSerialNumber": "66018",
    "DwellTime": 9.8e-06,
    "EchoTime": 0.00267,
    "FlipAngle": 7,
    "InstitutionAddress": "Washington Rd, Building 25, Princeton, NJ 08540, USA",
    "InstitutionName": "Princeton University",
    "InstitutionalDepartmentName": "Princeton Neuroscience Institute",
    "InversionTime": 1.2,
    "MagneticFieldStrength": 3,
    "Manufacturer": "Siemens",
    "ManufacturersModelName": "Prisma",
    "ParallelReductionFactorInPlane": 2,
    "ParellelReductionType": "TODO",
    "PartialFourier": 1,
    "PixelBandwidth": 200,
    "PulseSequenceDetails": "%SiemensSeq%_tfl",
    "PulseSequenceType": "MPRAGE",
    "ReceiveCoilActiveElements": "HC1-7;NC1",
    "ReceiveCoilName": "HeadNeck_64",
    "RepetitionTime": 2.53,
    "ScanOptions": "IR",
    "ScanningSequence": "GR_IR",
    "SequenceName": "_tfl3d1_16",
    "SequenceVariant": "SK_SP_MP",
    "SoftwareVersions": "syngo_MR_D13D",
    "StationName": "AWP66018",
    "dataset": "ds002345",
    "modality": "T1w",
    "subject_id": "232"
  },
  "cjv": 0.36608313323714237,
  "cnr": 3.317812509576282,
  "efc": 0.5704928897063914,
  "fber": 419.50558807292833,
  "fwhm_avg": 3.7176833333333335,
  "fwhm_x": 3.60576,
  "fwhm_y": 3.72212,
  "fwhm_z": 3.82517,
  "icvs_csf": 0.1738463290135997,
  "icvs_gm": 0.43036558115452356,
  "icvs_wm": 0.39578808983187674,
  "inu_med": 1.0478806495666504,
  "inu_range": 0.45798899531364434,
  "provenance": {
    "md5sum": "5b2f3981c9802239cabe6db62f687e08",
    "settings": {
      "testing": false
    },
    "software": "mriqc",
    "version": "22.0.0rc1",
    "warnings": {
      "large_rot_frame": true,
      "small_air_mask": false
    },
    "webapi_port": null,
    "webapi_url": "https://mriqc.nimh.nih.gov/api/v1"
  },
  "qi_1": 0.0,
  "qi_2": 0.002288727383876129,
  "rpve_csf": 30.116435762299997,
  "rpve_gm": 13.427361962755537,
  "rpve_wm": 17.552479143808117,
  "size_x": 176,
  "size_y": 256,
  "size_z": 256,
  "snr_csf": 3.024437096312771,
  "snr_gm": 10.779234479447602,
  "snr_total": 11.206731703080237,
  "snr_wm": 19.81652353348034,
  "snrd_csf": 13.224626484452825,
  "snrd_gm": 22.12291234418373,
  "snrd_total": 22.103387291483084,
  "snrd_wm": 30.9626230458127,
  "spacing_x": 1.0,
  "spacing_y": 1.0,
  "spacing_z": 1.0,
  "summary_bg_k": 3.8279693426748285,
  "summary_bg_mad": 21.15894347575833,
  "summary_bg_mean": 35.58118903138419,
  "summary_bg_median": 33.72054499387741,
  "summary_bg_n": 3529688.0,
  "summary_bg_p05": 3.385330304503441,
  "summary_bg_p95": 72.28675885498524,
  "summary_bg_stdv": 21.55412101938538,
  "summary_csf_k": 2.302726494777308,
  "summary_csf_mad": 129.70924419092785,
  "summary_csf_mean": 389.90663484246016,
  "summary_csf_median": 427.1158400848508,
  "summary_csf_n": 6106.0,
  "summary_csf_p05": 151.55991015210748,
  "summary_csf_p95": 575.4231779836118,
  "summary_csf_stdv": 141.21003345715226,
  "summary_gm_k": 0.40370775392248515,
  "summary_gm_mad": 61.410142924991625,
  "summary_gm_mean": 711.481262032501,
  "summary_gm_median": 714.5038313269615,
  "summary_gm_n": 15469.0,
  "summary_gm_p05": 598.2608817338944,
  "summary_gm_p95": 816.2363259285687,
  "summary_gm_stdv": 66.28306839561712,
  "summary_wm_k": 2.5167903508805107,
  "summary_wm_mad": 43.10519647619604,
  "summary_wm_mean": 1003.9373666941708,
  "summary_wm_median": 1000.000020340085,
  "summary_wm_n": 198392.0,
  "summary_wm_p05": 930.5675595849752,
  "summary_wm_p95": 1089.8772209733725,
  "summary_wm_stdv": 50.46281192482788,
  "tpm_overlap_csf": 0.17250441014766693,
  "tpm_overlap_gm": 0.446282297372818,
  "tpm_overlap_wm": 0.5148126482963562,
  "wm2max": 0.35426359410115255
}