{
  "aor": 0.0006754870129870131,
  "aqi": 0.006957346688311688,
  "bids_meta": {
    "CogAtlasID": "https://www.cognitiveatlas.org/task/id/trm_4c8991fadfe01",
    "DeviceSerialNumber": "66018",
    "DwellTime": 4.2e-06,
    "EchoTime": 0.039,
    "EffectiveEchoSpacing": 0.000929976,
    "FlipAngle": 50,
    "InstitutionAddress": "Washington Rd, Princeton, NJ 08540, USA",
    "InstitutionName": "Princeton University",
    "InstitutionalDepartmentName": "Princeton Neuroscience Institute",
    "MagneticFieldStrength": 3,
    "Manufacturer": "Siemens",
    "ManufacturersModelName": "Prisma",
    "NumberOfVolumesDiscardedByScanner": 3,
    "ParallelReductionType": "GRAPPA",
    "PartialFourier": 0.75,
    "PhaseEncodingDirection": "j-",
    "PixelBandwidth": 1240,
    "PulseSequenceDetails": "%CustomerSeq%_ep2d_bold_sms_mgh_v22",
    "PulseSequenceType": "Gradient Echo EPI",
    "ReceiveCoilActiveElements": "HC1-7;NC1,2",
    "ReceiveCoilName": "HeadNeck_64",
    "RepetitionTime": 1.5,
    "ScanOptions": "PFP_FS",
    "ScanningSequence": "EP",
    "SequenceName": "epfSM2d1_96",
    "SequenceVariant": "SK",
    "SliceTiming": [
      0.6925,
      0,
      0.79,
      0.1,
      0.8875,
      0.1975,
      0.9875,
      0.2975,
      1.085,
      0.395,
      1.185,
      0.495,
      1.2825,
      0.5925,
      1.3825,
      0.6925,
      0,
      0.79,
      0.1,
      0.8875,
      0.1975,
      0.9875,
      0.2975,
      1.085,
      0.395,
      1.185,
      0.495,
      1.2825,
      0.5925,
      1.3825,
      0.6925,
      0,
      0.79,
      0.1,
      0.8875,
      0.1975,
      0.9875,
      0.2975,
      1.085,
      0.395,
      1.185,
      0.495,
      1.2825,
      0.5925,
      1.3825,
      0.6925,
      0,
      0.79,
      0.1,
      0.8875,
      0.1975,
      0.9875,
      0.2975,
      1.085,
      0.395,
      1.185,
      0.495,
      1.2825,
      0.5925,
      1.3825
    ],
    "SoftwareVersions": "syngo_MR_D13D",
    "StationName": "AWP66018",
    "TaskDescription": "Passively listened to audio story 'shapesphysical'",
    "TaskName": "shapesphysical",
    "TotalReadoutTime": 0.0883478,
    "dataset": "ds002345",
    "modality": "bold",
    "subject_id": "207",
    "task_id": "shapesphysical"
  },
  "dummy_trs": 1,
  "dvars_nstd": 35.56111215205213,
  "dvars_std": 1.0792722667426706,
  "dvars_vstd": 1.0016854819543985,
  "efc": 0.6008283336977416,
  "fber": 271.9106140136719,
  "fd_mean": 0.09271851904621653,
  "fd_num": 6,
  "fd_perc": 1.948051948051948,
  "fwhm_avg": 2.6138383333333333,
  "fwhm_x": 2.282975,
  "fwhm_y": 2.890805,
  "fwhm_z": 2.667735,
  "gcor": 0.0133174,
  "gsr_x": 0.0004892632714472711,
  "gsr_y": 0.05437576398253441,
  "provenance": {
    "md5sum": "98595e6e145b2b08287db1981b205a4c",
    "settings": {
      "fd_thres": 0.2,
      "testing": false
    },
    "software": "mriqc",
    "version": "22.0.0rc1",
    "webapi_port": null,
    "webapi_url": "https://mriqc.nimh.nih.gov/api/v1"
  },
  "size_t": 308,
  "size_x": 96,
  "size_y": 96,
  "size_z": 60,
  "snr": 2.8225756942402316,
  "spacing_tr": 1.5,
  "spacing_x": 2.0,
  "spacing_y": 2.0,
  "spacing_z": 2.0,
  "summary_bg_k": 114.94846657283854,
  "summary_bg_mad": 6.922021835874277,
  "summary_bg_mean": 40.51953125,
  "summary_bg_median": 25.230520248413086,
  "summary_bg_n": 321231.0,
  "summary_bg_p05": 19.52597427368164,
  "summary_bg_p95": 103.43181991577148,
  "summary_bg_stdv": 52.648250579833984,
  "summary_fg_k": 2.116844802388539,
  "summary_fg_mad": 141.21786131265858,
  "summary_fg_mean": 446.9375305175781,
  "summary_fg_median": 428.5097351074219,
  "summary_fg_n": 145167.0,
  "summary_fg_p05": 244.33538665771485,
  "summary_fg_p95": 715.4383178710932,
  "summary_fg_stdv": 151.8146209716797,
  "tsnr": 43.69202838372439
}