{
  "aor": 0.0026106565656565657,
  "aqi": 0.018390160193602696,
  "bids_meta": {
    "CogAtlasID": "https://www.cognitiveatlas.org/task/id/trm_4c8991fadfe01",
    "DeviceSerialNumber": "45031",
    "DwellTime": 5.4e-06,
    "EchoTime": 0.028,
    "EffectiveEchoSpacing": 0.000390001,
    "FlipAngle": 64,
    "InstitutionAddress": "Washington Rd, Princeton, NJ 08540, USA",
    "InstitutionName": "Princeton University",
    "InstitutionalDepartmentName": "Princeton Neuroscience Institute",
    "MagneticFieldStrength": 3,
    "Manufacturer": "Siemens",
    "ManufacturersModelName": "Skyra",
    "NumberOfVolumesDiscardedByScanner": 3,
    "ParallelReductionFactorInPlane": 2,
    "ParallelReductionType": "GRAPPA",
    "PartialFourier": 1,
    "PhaseEncodingDirection": "j-",
    "PixelBandwidth": 1445,
    "PulseSequenceDetails": "%SiemensSeq%_ep2d_bold",
    "PulseSequenceType": "Gradient Echo EPI",
    "ReceiveCoilActiveElements": "HE1-4",
    "ReceiveCoilName": "HeadNeck_20",
    "RepetitionTime": 1.5,
    "ScanOptions": "FS",
    "ScanningSequence": "EP",
    "SequenceName": "_epfid2d1_64",
    "SequenceVariant": "SK",
    "SliceTiming": [
      0,
      0.7775,
      0.055,
      0.8325,
      0.11,
      0.8875,
      0.1675,
      0.945,
      0.2225,
      1,
      0.2775,
      1.055,
      0.3325,
      1.11,
      0.3875,
      1.165,
      0.445,
      1.2225,
      0.5,
      1.2775,
      0.555,
      1.3325,
      0.61,
      1.3875,
      0.6675,
      1.445,
      0.7225
    ],
    "SoftwareVersions": "syngo_MR_D11",
    "StationName": "AWP45031",
    "TaskDescription": "Passively listened to audio story 'slumlordreach'",
    "TaskName": "slumlordreach",
    "TotalReadoutTime": 0.0245701,
    "dataset": "ds002345",
    "modality": "bold",
    "subject_id": "139",
    "task_id": "slumlordreach"
  },
  "dummy_trs": 0,
  "dvars_nstd": 24.893111570446514,
  "dvars_std": 1.1723685592249364,
  "dvars_vstd": 0.9981065444650385,
  "efc": 0.5868509053786567,
  "fber": 1200.157470703125,
  "fd_mean": 0.19524499149403216,
  "fd_num": 475,
  "fd_perc": 39.98316498316498,
  "fwhm_avg": 1.6543816666666666,
  "fwhm_x": 1.6184566666666667,
  "fwhm_y": 1.8447233333333333,
  "fwhm_z": 1.499965,
  "gcor": 0.107331,
  "gsr_x": 0.004621629603207111,
  "gsr_y": 0.03814500570297241,
  "provenance": {
    "md5sum": "72761db9645cc36981c5f7e56a27e079",
    "settings": {
      "fd_thres": 0.2,
      "testing": false
    },
    "software": "mriqc",
    "version": "22.0.0rc1",
    "webapi_port": null,
    "webapi_url": "https://mriqc.nimh.nih.gov/api/v1"
  },
  "size_t": 1188,
  "size_x": 64,
  "size_y": 64,
  "size_z": 27,
  "snr": 6.9426241063301015,
  "spacing_tr": 1.5,
  "spacing_x": 3.0,
  "spacing_y": 3.0,
  "spacing_z": 4.0,
  "summary_bg_k": 19.744731986322233,
  "summary_bg_mad": 15.597899306896544,
  "summary_bg_mean": 51.23754119873047,
  "summary_bg_median": 19.112794876098633,
  "summary_bg_n": 57726.0,
  "summary_bg_p05": 7.114688515663147,
  "summary_bg_p95": 210.4808464050293,
  "summary_bg_stdv": 81.20903778076172,
  "summary_fg_k": 3.4913973869326256,
  "summary_fg_mad": 86.92257730251342,
  "summary_fg_mean": 702.970947265625,
  "summary_fg_median": 697.271484375,
  "summary_fg_n": 24176.0,
  "summary_fg_p05": 561.1146850585938,
  "summary_fg_p95": 864.100341796875,
  "summary_fg_stdv": 100.43134307861328,
  "tsnr": 43.58092886698432
}