{
  "aor": 0.0015452749999999998,
  "aqi": 0.009197577699999999,
  "bids_meta": {
    "CogAtlasID": "https://www.cognitiveatlas.org/task/id/trm_4c8991fadfe01",
    "DeviceSerialNumber": "45031",
    "DwellTime": 5.4e-06,
    "EchoTime": 0.028,
    "EffectiveEchoSpacing": 0.000390001,
    "FlipAngle": 64,
    "InstitutionAddress": "Washington Rd, Princeton, NJ 08540, USA",
    "InstitutionName": "Princeton University",
    "InstitutionalDepartmentName": "Princeton Neuroscience Institute",
    "MagneticFieldStrength": 3,
    "Manufacturer": "Siemens",
    "ManufacturersModelName": "Skyra",
    "NumberOfVolumesDiscardedByScanner": 3,
    "ParallelReductionFactorInPlane": 2,
    "ParallelReductionType": "GRAPPA",
    "PartialFourier": 1,
    "PhaseEncodingDirection": "j-",
    "PixelBandwidth": 1445,
    "PulseSequenceDetails": "%SiemensSeq%_ep2d_bold",
    "PulseSequenceType": "Gradient Echo EPI",
    "ReceiveCoilActiveElements": "HE1-4",
    "ReceiveCoilName": "HeadNeck_20",
    "RepetitionTime": 1.5,
    "ScanOptions": "FS",
    "ScanningSequence": "EP",
    "SequenceName": "_epfid2d1_64",
    "SequenceVariant": "SK",
    "SliceTiming": [
      0,
      0.7775,
      0.055,
      0.8325,
      0.11,
      0.8875,
      0.165,
      0.9425,
      0.2225,
      1,
      0.2775,
      1.055,
      0.3325,
      1.11,
      0.3875,
      1.165,
      0.445,
      1.2225,
      0.5,
      1.2775,
      0.555,
      1.3325,
      0.61,
      1.3875,
      0.665,
      1.4425,
      0.7225
    ],
    "SoftwareVersions": "syngo_MR_D11",
    "StationName": "AWP45031",
    "TaskDescription": "Passively listened to audio story 'notthefall'",
    "TaskName": "notthefall",
    "TotalReadoutTime": 0.0245701,
    "dataset": "ds002345",
    "modality": "bold",
    "subject_id": "139",
    "task_id": "notthefall"
  },
  "dummy_trs": 0,
  "dvars_nstd": 24.111724753233077,
  "dvars_std": 1.220776792581453,
  "dvars_vstd": 1.0226654501002503,
  "efc": 0.5825980772082621,
  "fber": 1381.9324951171875,
  "fd_mean": 0.15338892574433355,
  "fd_num": 97,
  "fd_perc": 24.25,
  "fwhm_avg": 1.639958888888889,
  "fwhm_x": 1.5951366666666666,
  "fwhm_y": 1.81914,
  "fwhm_z": 1.5056,
  "gcor": 0.0327723,
  "gsr_x": 0.006915043108165264,
  "gsr_y": 0.03682100772857666,
  "provenance": {
    "md5sum": "834d5b1623659669a9eef2bb4093e01b",
    "settings": {
      "fd_thres": 0.2,
      "testing": false
    },
    "software": "mriqc",
    "version": "22.0.0rc1",
    "webapi_port": null,
    "webapi_url": "https://mriqc.nimh.nih.gov/api/v1"
  },
  "size_t": 400,
  "size_x": 64,
  "size_y": 64,
  "size_z": 27,
  "snr": 7.0796363947156795,
  "spacing_tr": 1.5,
  "spacing_x": 3.0,
  "spacing_y": 3.0,
  "spacing_z": 4.0,
  "summary_bg_k": 19.00121051564726,
  "summary_bg_mad": 13.795614095648917,
  "summary_bg_mean": 50.126251220703125,
  "summary_bg_median": 17.72249984741211,
  "summary_bg_n": 58197.0,
  "summary_bg_p05": 7.052499771118164,
  "summary_bg_p95": 208.6234924316405,
  "summary_bg_stdv": 81.02189636230469,
  "summary_fg_k": 3.446487788399243,
  "summary_fg_mad": 86.15770332473518,
  "summary_fg_mean": 705.9866943359375,
  "summary_fg_median": 700.532470703125,
  "summary_fg_n": 23776.0,
  "summary_fg_p05": 565.3999786376953,
  "summary_fg_p95": 867.1831207275391,
  "summary_fg_stdv": 98.9482650756836,
  "tsnr": 60.77519030077383
}