{
  "aor": 0.0025152950558213717,
  "aqi": 0.012527546124401915,
  "bids_meta": {
    "CogAtlasID": "https://www.cognitiveatlas.org/task/id/trm_4c8991fadfe01",
    "DeviceSerialNumber": "45031",
    "DwellTime": 4.9e-06,
    "EchoTime": 0.028,
    "EffectiveEchoSpacing": 0.000355001,
    "FlipAngle": 64,
    "InstitutionAddress": "Washington Rd, Princeton, NJ 08540, USA",
    "InstitutionName": "Princeton University",
    "InstitutionalDepartmentName": "Princeton Neuroscience Institute",
    "MagneticFieldStrength": 3,
    "Manufacturer": "Siemens",
    "ManufacturersModelName": "Skyra",
    "NumberOfVolumesDiscardedByScanner": 3,
    "ParallelReductionFactorInPlane": 2,
    "ParallelReductionType": "GRAPPA",
    "PartialFourier": 1,
    "PhaseEncodingDirection": "j-",
    "PixelBandwidth": 1595,
    "PulseSequenceDetails": "%SiemensSeq%_ep2d_bold",
    "PulseSequenceType": "Gradient Echo EPI",
    "ReceiveCoilActiveElements": "HE1-4",
    "ReceiveCoilName": "HeadNeck_20",
    "RepetitionTime": 1.5,
    "ScanOptions": "FS",
    "ScanningSequence": "EP",
    "SequenceName": "_epfid2d1_64",
    "SequenceVariant": "SK",
    "SliceTiming": [
      0,
      0.7675,
      0.055,
      0.8225,
      0.1075,
      0.875,
      0.1625,
      0.93,
      0.2175,
      0.985,
      0.2725,
      1.04,
      0.3275,
      1.095,
      0.3825,
      1.15,
      0.4375,
      1.205,
      0.4925,
      1.26,
      0.5475,
      1.315,
      0.6025,
      1.37,
      0.6575,
      1.425,
      0.7125
    ],
    "SoftwareVersions": "syngo_MR_D13",
    "StationName": "AWP45031",
    "TaskDescription": "Passively listened to audio story 'merlin'",
    "TaskName": "merlin",
    "TotalReadoutTime": 0.022365,
    "dataset": "ds002345",
    "modality": "bold",
    "subject_id": "180",
    "task_id": "merlin"
  },
  "dummy_trs": 0,
  "dvars_nstd": 23.174887584153357,
  "dvars_std": 1.168477306789138,
  "dvars_vstd": 1.0092211288658153,
  "efc": 0.5888748816611855,
  "fber": 1606.63525390625,
  "fd_mean": 0.18919757066853024,
  "fd_num": 162,
  "fd_perc": 25.83732057416268,
  "fwhm_avg": 1.6395125000000002,
  "fwhm_x": 1.6224966666666667,
  "fwhm_y": 1.8301233333333335,
  "fwhm_z": 1.4659175,
  "gcor": 0.020713,
  "gsr_x": -0.0031484554056078196,
  "gsr_y": 0.036779407411813736,
  "provenance": {
    "md5sum": "40b356eb1223c31929dc96af90ce9ca2",
    "settings": {
      "fd_thres": 0.2,
      "testing": false
    },
    "software": "mriqc",
    "version": "22.0.0rc1",
    "webapi_port": null,
    "webapi_url": "https://mriqc.nimh.nih.gov/api/v1"
  },
  "size_t": 627,
  "size_x": 64,
  "size_y": 64,
  "size_z": 27,
  "snr": 7.1145928144425,
  "spacing_tr": 1.5,
  "spacing_x": 3.0,
  "spacing_y": 3.0,
  "spacing_z": 4.0,
  "summary_bg_k": 27.064272125253595,
  "summary_bg_mad": 11.988504590530802,
  "summary_bg_mean": 39.51554870605469,
  "summary_bg_median": 16.357255935668945,
  "summary_bg_n": 55098.0,
  "summary_bg_p05": 6.708133697509766,
  "summary_bg_p95": 152.71842346191386,
  "summary_bg_stdv": 68.21886444091797,
  "summary_fg_k": 2.680747220086829,
  "summary_fg_mad": 90.4813112775604,
  "summary_fg_mean": 692.0598754882812,
  "summary_fg_median": 684.8397216796875,
  "summary_fg_n": 27030.0,
  "summary_fg_p05": 562.8057312011719,
  "summary_fg_p95": 851.2019927978515,
  "summary_fg_stdv": 96.25667572021484,
  "tsnr": 59.07241944456473
}