{
  "bids_meta": {
    "DeviceSerialNumber": "66018",
    "DwellTime": 9.8e-06,
    "EchoTime": 0.00267,
    "FlipAngle": 7,
    "InstitutionAddress": "Washington Rd, Building 25, Princeton, NJ 08540, USA",
    "InstitutionName": "Princeton University",
    "InstitutionalDepartmentName": "Princeton Neuroscience Institute",
    "InversionTime": 1.2,
    "MagneticFieldStrength": 3,
    "Manufacturer": "Siemens",
    "ManufacturersModelName": "Prisma",
    "ParallelReductionFactorInPlane": 2,
    "ParellelReductionType": "TODO",
    "PartialFourier": 1,
    "PixelBandwidth": 200,
    "PulseSequenceDetails": "%SiemensSeq%_tfl",
    "PulseSequenceType": "MPRAGE",
    "ReceiveCoilActiveElements": "HC1-7;NC1",
    "ReceiveCoilName": "HeadNeck_64",
    "RepetitionTime": 2.53,
    "ScanOptions": "IR",
    "ScanningSequence": "GR_IR",
    "SequenceName": "_tfl3d1_16",
    "SequenceVariant": "SK_SP_MP",
    "SoftwareVersions": "syngo_MR_D13D",
    "StationName": "AWP66018",
    "dataset": "ds002345",
    "modality": "T1w",
    "run_id": 1,
    "subject_id": "249"
  },
  "cjv": 0.384867288228509,
  "cnr": 3.1070950317955064,
  "efc": 0.6279994987678176,
  "fber": 259.11285393133176,
  "fwhm_avg": 3.81128,
  "fwhm_x": 3.69863,
  "fwhm_y": 3.79095,
  "fwhm_z": 3.94426,
  "icvs_csf": 0.19507260971398777,
  "icvs_gm": 0.4341908569787693,
  "icvs_wm": 0.37073653330724293,
  "inu_med": 1.1269676685333252,
  "inu_range": 0.5950128555297851,
  "provenance": {
    "md5sum": "85131b643ed362f5ec3fcf246c90c2cc",
    "settings": {
      "testing": false
    },
    "software": "mriqc",
    "version": "22.0.0rc1",
    "warnings": {
      "large_rot_frame": true,
      "small_air_mask": false
    },
    "webapi_port": null,
    "webapi_url": "https://mriqc.nimh.nih.gov/api/v1"
  },
  "qi_1": 0.0,
  "qi_2": 0.0026544452939611593,
  "rpve_csf": 24.207690272884065,
  "rpve_gm": 11.593615069139773,
  "rpve_wm": 15.856020245810303,
  "size_x": 176,
  "size_y": 256,
  "size_z": 256,
  "snr_csf": 3.119860411984294,
  "snr_gm": 11.583622465065838,
  "snr_total": 10.509014493523706,
  "snr_wm": 16.823560603520985,
  "snrd_csf": 10.566464833333184,
  "snrd_gm": 17.12637402065795,
  "snrd_total": 17.156743970599265,
  "snrd_wm": 23.777393057806666,
  "spacing_x": 1.0,
  "spacing_y": 1.0,
  "spacing_z": 1.0,
  "summary_bg_k": 1.499134487589556,
  "summary_bg_mad": 27.55555093332676,
  "summary_bg_mean": 47.05164466111914,
  "summary_bg_median": 44.35715812444687,
  "summary_bg_n": 2830152.0,
  "summary_bg_p05": 8.909753143787384,
  "summary_bg_p95": 93.69611370563507,
  "summary_bg_stdv": 26.561095471660323,
  "summary_csf_k": 9.64062664468768,
  "summary_csf_mad": 126.6987187243684,
  "summary_csf_mean": 430.2126474288232,
  "summary_csf_median": 444.4338154196739,
  "summary_csf_n": 10033.0,
  "summary_csf_p05": 182.0272147655487,
  "summary_csf_p95": 620.233783364296,
  "summary_csf_stdv": 142.44600962281777,
  "summary_gm_k": 0.5246489459515584,
  "summary_gm_mad": 57.809841391051506,
  "summary_gm_mean": 720.0401746051568,
  "summary_gm_median": 720.3487514853477,
  "summary_gm_n": 16707.0,
  "summary_gm_p05": 616.4016314744949,
  "summary_gm_p95": 821.1343461871147,
  "summary_gm_stdv": 62.184968048090745,
  "summary_wm_k": 2.7414321783278224,
  "summary_wm_mad": 49.85566174019429,
  "summary_wm_mean": 1006.0669335319861,
  "summary_wm_median": 1000.0958394408226,
  "summary_wm_n": 202539.0,
  "summary_wm_p05": 921.5367256999016,
  "summary_wm_p95": 1109.8007676660993,
  "summary_wm_stdv": 59.445999221562815,
  "tpm_overlap_csf": 0.1479591429233551,
  "tpm_overlap_gm": 0.45547229051589966,
  "tpm_overlap_wm": 0.5025418400764465,
  "wm2max": 0.37310572180620283
}