{
  "bids_meta": {
    "AcquisitionMatrixPE": 256,
    "BaseResolution": 256,
    "BodyPartExamined": "BRAIN",
    "ConsistencyInfo": "N4_VE11C_LATEST_20160120",
    "ConversionSoftware": "dcm2niix",
    "ConversionSoftwareVersion": "v1.0.20180328 GCC6.3.0",
    "DeviceSerialNumber": "66018",
    "DwellTime": 9.8e-06,
    "EchoTime": 0.428,
    "EchoTrainLength": 175,
    "FlipAngle": 120,
    "ImageOrientationPatientDICOM": [
      0,
      1,
      0,
      0,
      0,
      -1
    ],
    "ImageType": [
      "ORIGINAL",
      "PRIMARY",
      "M",
      "ND"
    ],
    "InPlanePhaseEncodingDirectionDICOM": "ROW",
    "InstitutionAddress": "Washington Rd, Princeton, NJ 08540, USA",
    "InstitutionName": "Princeton University",
    "InstitutionalDepartmentName": "Princeton Neuroscience Institute",
    "MRAcquisitionType": "3D",
    "MagneticFieldStrength": 3,
    "Manufacturer": "Siemens",
    "ManufacturersModelName": "Prisma",
    "Modality": "MR",
    "ParallelReductionFactorInPlane": 2,
    "ParallelReductionType": "GRAPPA",
    "PartialFourier": 1,
    "PatientPosition": "HFS",
    "PercentPhaseFOV": 100,
    "PhaseEncodingSteps": 175,
    "PhaseResolution": 1,
    "PixelBandwidth": 200,
    "ProcedureStepDescription": "Hasson_Nastase_042518_Storyteller",
    "ProtocolName": "anat-T2w",
    "PulseSequenceDetails": "%SiemensSeq%_tse_vfl",
    "ReceiveCoilActiveElements": "HC1-7;NC1",
    "ReceiveCoilName": "HeadNeck_64",
    "ReconMatrixPE": 256,
    "RepetitionTime": 3.2,
    "SAR": 0.0498055,
    "ScanOptions": "PFP",
    "ScanningSequence": "SE",
    "SequenceName": "_spc_230ns",
    "SequenceVariant": "SK_SP",
    "SeriesDescription": "anat-T2w",
    "SeriesNumber": 11,
    "ShimSetting": [
      738,
      469,
      2021,
      351,
      -158,
      -407,
      283,
      4
    ],
    "SliceThickness": 1,
    "SoftwareVersions": "syngo_MR_E11",
    "StationName": "AWP66018",
    "TxRefAmp": 226.616,
    "dataset": "ds002345",
    "modality": "T2w",
    "subject_id": "280"
  },
  "cjv": 0.6487233109538795,
  "cnr": 1.621119284241115,
  "efc": 0.5163932148569079,
  "fber": 1210.7822359396432,
  "fwhm_avg": 2.453803333333333,
  "fwhm_x": 2.60972,
  "fwhm_y": 2.21776,
  "fwhm_z": 2.53393,
  "icvs_csf": 0.3451256549867721,
  "icvs_gm": 0.12468067419671269,
  "icvs_wm": 0.5301936708165153,
  "inu_med": 1.5066996812820435,
  "inu_range": 0.5755213737487792,
  "provenance": {
    "md5sum": "81ce3e8605ac94113315afd4520b4e81",
    "settings": {
      "testing": false
    },
    "software": "mriqc",
    "version": "22.0.0rc1",
    "warnings": {
      "large_rot_frame": true,
      "small_air_mask": false
    },
    "webapi_port": null,
    "webapi_url": "https://mriqc.nimh.nih.gov/api/v1"
  },
  "qi_1": 0.0,
  "qi_2": 0.027507012743644893,
  "rpve_csf": 16.886369860073508,
  "rpve_gm": 56.58927500909064,
  "rpve_wm": 12.507210318586806,
  "size_x": 176,
  "size_y": 256,
  "size_z": 256,
  "snr_csf": 5.407991669091393,
  "snr_gm": 2.6432656845693536,
  "snr_total": 5.010649730778294,
  "snr_wm": 6.980691838674135,
  "snrd_csf": 52.20297660998059,
  "snrd_gm": 71.42285019139845,
  "snrd_total": 50.25707082658456,
  "snrd_wm": 27.145385678374623,
  "spacing_x": 1.0,
  "spacing_y": 1.0,
  "spacing_z": 1.0,
  "summary_bg_k": 8.45444264134888,
  "summary_bg_mad": 24.137960538086062,
  "summary_bg_mean": 31.788404098860095,
  "summary_bg_median": 16.280806973576546,
  "summary_bg_n": 3493918.0,
  "summary_bg_p05": 0.0,
  "summary_bg_p95": 96.7886506319046,
  "summary_bg_stdv": 33.71494460733033,
  "summary_csf_k": -0.3434284034142596,
  "summary_csf_mad": 379.1209948734251,
  "summary_csf_mean": 1933.583165773999,
  "summary_csf_median": 1923.375700905919,
  "summary_csf_n": 29598.0,
  "summary_csf_p05": 1376.4003326743841,
  "summary_csf_p95": 2537.0127586081617,
  "summary_csf_stdv": 355.6483305945677,
  "summary_gm_k": 0.24174054515427557,
  "summary_gm_mad": 930.0865528436831,
  "summary_gm_mean": 2661.7808876643417,
  "summary_gm_median": 2631.5161216557026,
  "summary_gm_n": 8919.0,
  "summary_gm_p05": 868.872314183414,
  "summary_gm_p95": 4357.296597374976,
  "summary_gm_stdv": 995.4990941069857,
  "summary_wm_k": 0.8792052665959891,
  "summary_wm_mad": 128.21907478487918,
  "summary_wm_mean": 1004.3729327361954,
  "summary_wm_median": 1000.1493898630142,
  "summary_wm_n": 210058.0,
  "summary_wm_p05": 776.6990482807159,
  "summary_wm_p95": 1245.257685676217,
  "summary_wm_stdv": 143.27333627143523,
  "tpm_overlap_csf": 0.11282096803188324,
  "tpm_overlap_gm": 0.09002283215522766,
  "tpm_overlap_wm": 0.4471103549003601,
  "wm2max": 0.21728266865691015
}