{
  "aor": 0.0008186315789473683,
  "aqi": 0.006246128821052631,
  "bids_meta": {
    "CogAtlasID": "https://www.cognitiveatlas.org/task/id/trm_4c8991fadfe01",
    "DeviceSerialNumber": "45031",
    "DwellTime": 5.4e-06,
    "EchoTime": 0.028,
    "EffectiveEchoSpacing": 0.000390001,
    "FlipAngle": 64,
    "InstitutionAddress": "Washington Rd, Princeton, NJ 08540, USA",
    "InstitutionName": "Princeton University",
    "InstitutionalDepartmentName": "Princeton Neuroscience Institute",
    "MagneticFieldStrength": 3,
    "Manufacturer": "Siemens",
    "ManufacturersModelName": "Skyra",
    "NumberOfVolumesDiscardedByScanner": 3,
    "ParallelReductionFactorInPlane": 2,
    "ParallelReductionType": "GRAPPA",
    "PartialFourier": 1,
    "PhaseEncodingDirection": "j-",
    "PixelBandwidth": 1445,
    "PulseSequenceDetails": "%SiemensSeq%_ep2d_bold",
    "PulseSequenceType": "Gradient Echo EPI",
    "ReceiveCoilActiveElements": "HE1-4",
    "ReceiveCoilName": "HeadNeck_20",
    "RepetitionTime": 1.5,
    "ScanOptions": "FS",
    "ScanningSequence": "EP",
    "SequenceName": "_epfid2d1_64",
    "SequenceVariant": "SK",
    "SliceTiming": [
      0,
      0.7775,
      0.055,
      0.8325,
      0.11,
      0.8875,
      0.165,
      0.9425,
      0.22,
      0.9975,
      0.2775,
      1.055,
      0.3325,
      1.11,
      0.3875,
      1.165,
      0.4425,
      1.22,
      0.5,
      1.2775,
      0.555,
      1.3325,
      0.61,
      1.3875,
      0.665,
      1.4425,
      0.72
    ],
    "SoftwareVersions": "syngo_MR_D11",
    "StationName": "AWP45031",
    "TaskDescription": "Passively listened to audio story 'prettymouth'",
    "TaskName": "prettymouth",
    "TotalReadoutTime": 0.0245701,
    "dataset": "ds002345",
    "modality": "bold",
    "subject_id": "034",
    "task_id": "prettymouth"
  },
  "dummy_trs": 0,
  "dvars_nstd": 28.561610249831222,
  "dvars_std": 1.533517284556961,
  "dvars_vstd": 1.0121557769409282,
  "efc": 0.6536801773501848,
  "fber": 903.0276489257812,
  "fd_mean": 0.09921544351997123,
  "fd_num": 6,
  "fd_perc": 1.263157894736842,
  "fwhm_avg": 1.9526709712038766,
  "fwhm_x": 1.9147433333333332,
  "fwhm_y": 2.2084566666666667,
  "fwhm_z": 1.73481291361163,
  "gcor": 0.0653205,
  "gsr_x": -0.015357903204858303,
  "gsr_y": 0.058388546109199524,
  "provenance": {
    "md5sum": "c21d5eeb2771dd791763bfcada3113f1",
    "settings": {
      "fd_thres": 0.2,
      "testing": false
    },
    "software": "mriqc",
    "version": "21.0.0rc2",
    "webapi_port": null,
    "webapi_url": "https://mriqc.nimh.nih.gov/api/v1"
  },
  "size_t": 475,
  "size_x": 64,
  "size_y": 64,
  "size_z": 27,
  "snr": 6.119371814659624,
  "spacing_tr": 1.5,
  "spacing_x": 3.0,
  "spacing_y": 3.0,
  "spacing_z": 3.9999990463256836,
  "summary_bg_k": 14.202557877219803,
  "summary_bg_mad": 21.296408390096406,
  "summary_bg_mean": 61.8151969909668,
  "summary_bg_median": 24.446313858032227,
  "summary_bg_n": 47609.0,
  "summary_bg_p05": 8.461051940917969,
  "summary_bg_p95": 243.85093688964838,
  "summary_bg_stdv": 88.00502014160156,
  "summary_fg_k": 2.880871571700445,
  "summary_fg_mad": 101.99369397663331,
  "summary_fg_mean": 822.772705078125,
  "summary_fg_median": 805.73681640625,
  "summary_fg_n": 33761.0,
  "summary_fg_p05": 657.7136840820312,
  "summary_fg_p95": 1073.3914794921875,
  "summary_fg_stdv": 131.66790771484375,
  "tsnr": 76.49613291490823
}