{
  "aor": 0.0035106752411575557,
  "aqi": 0.00784422649517685,
  "bids_meta": {
    "CogAtlasID": "https://www.cognitiveatlas.org/task/id/trm_4c8991fadfe01",
    "DeviceSerialNumber": "66018",
    "DwellTime": 4.2e-06,
    "EchoTime": 0.039,
    "EffectiveEchoSpacing": 0.000929976,
    "FlipAngle": 50,
    "InstitutionAddress": "Washington Rd, Princeton, NJ 08540, USA",
    "InstitutionName": "Princeton University",
    "InstitutionalDepartmentName": "Princeton Neuroscience Institute",
    "MagneticFieldStrength": 3,
    "Manufacturer": "Siemens",
    "ManufacturersModelName": "Prisma",
    "NumberOfVolumesDiscardedByScanner": 3,
    "ParallelReductionType": "GRAPPA",
    "PartialFourier": 0.75,
    "PhaseEncodingDirection": "j-",
    "PixelBandwidth": 1240,
    "PulseSequenceDetails": "%CustomerSeq%_ep2d_bold_sms_mgh_v22",
    "PulseSequenceType": "Gradient Echo EPI",
    "ReceiveCoilActiveElements": "HC1-7;NC1,2",
    "ReceiveCoilName": "HeadNeck_64",
    "RepetitionTime": 1.5,
    "ScanOptions": "PFP_FS",
    "ScanningSequence": "EP",
    "SequenceName": "epfSM2d1_96",
    "SequenceVariant": "SK",
    "SliceTiming": [
      0.6925,
      0,
      0.79,
      0.1,
      0.8875,
      0.1975,
      0.9875,
      0.2975,
      1.085,
      0.395,
      1.185,
      0.495,
      1.2825,
      0.5925,
      1.3825,
      0.6925,
      0,
      0.79,
      0.1,
      0.8875,
      0.1975,
      0.9875,
      0.2975,
      1.085,
      0.395,
      1.185,
      0.495,
      1.2825,
      0.5925,
      1.3825,
      0.6925,
      0,
      0.79,
      0.1,
      0.8875,
      0.1975,
      0.9875,
      0.2975,
      1.085,
      0.395,
      1.185,
      0.495,
      1.2825,
      0.5925,
      1.3825,
      0.6925,
      0,
      0.79,
      0.1,
      0.8875,
      0.1975,
      0.9875,
      0.2975,
      1.085,
      0.395,
      1.185,
      0.495,
      1.2825,
      0.5925,
      1.3825
    ],
    "SoftwareVersions": "syngo_MR_D13D",
    "StationName": "AWP66018",
    "TaskDescription": "Passively listened to audio story 'shapessocial'",
    "TaskName": "shapessocial",
    "TotalReadoutTime": 0.0883478,
    "dataset": "ds002345",
    "modality": "bold",
    "subject_id": "252",
    "task_id": "shapessocial"
  },
  "dummy_trs": 0,
  "dvars_nstd": 33.796264094645146,
  "dvars_std": 1.1118402599354846,
  "dvars_vstd": 1.0010520618387104,
  "efc": 0.5759484826377154,
  "fber": 341.1896667480469,
  "fd_mean": 0.08124186935850336,
  "fd_num": 6,
  "fd_perc": 1.9292604501607717,
  "fwhm_avg": 3.0452366666666664,
  "fwhm_x": 2.801175,
  "fwhm_y": 3.29195,
  "fwhm_z": 3.042585,
  "gcor": 0.0301122,
  "gsr_x": -0.009884539991617203,
  "gsr_y": 0.054221462458372116,
  "provenance": {
    "md5sum": "4136d5c16311c197f1e75165532a114f",
    "settings": {
      "fd_thres": 0.2,
      "testing": false
    },
    "software": "mriqc",
    "version": "22.0.0rc1",
    "webapi_port": null,
    "webapi_url": "https://mriqc.nimh.nih.gov/api/v1"
  },
  "size_t": 311,
  "size_x": 96,
  "size_y": 96,
  "size_z": 60,
  "snr": 2.3930293082984555,
  "spacing_tr": 1.5,
  "spacing_x": 2.0,
  "spacing_y": 2.0,
  "spacing_z": 2.0,
  "summary_bg_k": 62.09252352277669,
  "summary_bg_mad": 6.845712591973266,
  "summary_bg_mean": 43.775390625,
  "summary_bg_median": 26.009645462036133,
  "summary_bg_n": 327010.0,
  "summary_bg_p05": 20.347267150878906,
  "summary_bg_p95": 124.25755386352532,
  "summary_bg_stdv": 56.875972747802734,
  "summary_fg_k": 2.1148889017754096,
  "summary_fg_mad": 186.15951253368382,
  "summary_fg_mean": 528.389404296875,
  "summary_fg_median": 498.55303955078125,
  "summary_fg_n": 140537.0,
  "summary_fg_p05": 255.72475891113282,
  "summary_fg_p95": 909.1498168945311,
  "summary_fg_stdv": 208.3347930908203,
  "tsnr": 38.51897132769227
}