{
  "aor": 0.0018598,
  "aqi": 0.0066466064666666665,
  "bids_meta": {
    "CogAtlasID": "https://www.cognitiveatlas.org/task/id/trm_4c8991fadfe01",
    "DeviceSerialNumber": "45031",
    "DwellTime": 5.4e-06,
    "EchoTime": 0.028,
    "EffectiveEchoSpacing": 0.000390001,
    "FlipAngle": 64,
    "InstitutionAddress": "Washington Rd, Princeton, NJ 08540, USA",
    "InstitutionName": "Princeton University",
    "InstitutionalDepartmentName": "Princeton Neuroscience Institute",
    "MagneticFieldStrength": 3,
    "Manufacturer": "Siemens",
    "ManufacturersModelName": "Skyra",
    "NumberOfVolumesDiscardedByScanner": 3,
    "ParallelReductionFactorInPlane": 2,
    "ParallelReductionType": "GRAPPA",
    "PartialFourier": 1,
    "PhaseEncodingDirection": "j-",
    "PixelBandwidth": 1445,
    "PulseSequenceDetails": "%SiemensSeq%_ep2d_bold",
    "PulseSequenceType": "Gradient Echo EPI",
    "ReceiveCoilActiveElements": "HE1-4",
    "ReceiveCoilName": "HeadNeck_20",
    "RepetitionTime": 1.5,
    "ScanOptions": "FS",
    "ScanningSequence": "EP",
    "SequenceName": "_epfid2d1_64",
    "SequenceVariant": "SK",
    "SliceTiming": [
      0,
      0.7775,
      0.055,
      0.8325,
      0.11,
      0.89,
      0.1675,
      0.945,
      0.2225,
      1,
      0.2775,
      1.055,
      0.3325,
      1.11,
      0.39,
      1.1675,
      0.445,
      1.2225,
      0.5,
      1.2775,
      0.555,
      1.3325,
      0.61,
      1.3875,
      0.6675,
      1.445,
      0.7225
    ],
    "SoftwareVersions": "syngo_MR_D11",
    "StationName": "AWP45031",
    "TaskDescription": "Passively listened to audio story 'pieman'",
    "TaskName": "pieman",
    "TotalReadoutTime": 0.0245701,
    "dataset": "ds002345",
    "modality": "bold",
    "subject_id": "069",
    "task_id": "pieman"
  },
  "dummy_trs": 0,
  "dvars_nstd": 23.124082533177273,
  "dvars_std": 1.2084709435451508,
  "dvars_vstd": 1.0275349707692307,
  "efc": 0.5659938607619103,
  "fber": 1786.525146484375,
  "fd_mean": 0.16197455365888666,
  "fd_num": 69,
  "fd_perc": 23.0,
  "fwhm_avg": 1.7343258650505067,
  "fwhm_x": 1.68963,
  "fwhm_y": 1.91697,
  "fwhm_z": 1.5963775951515196,
  "gcor": 0.0274279,
  "gsr_x": -0.00043851707596331835,
  "gsr_y": 0.04690874367952347,
  "provenance": {
    "md5sum": "fe1cac854865127656f096c1e21ae0fe",
    "settings": {
      "fd_thres": 0.2,
      "testing": false
    },
    "software": "mriqc",
    "version": "21.0.0rc2",
    "webapi_port": null,
    "webapi_url": "https://mriqc.nimh.nih.gov/api/v1"
  },
  "size_t": 300,
  "size_x": 64,
  "size_y": 64,
  "size_z": 27,
  "snr": 7.261786978376987,
  "spacing_tr": 1.5,
  "spacing_x": 3.0,
  "spacing_y": 3.0,
  "spacing_z": 3.999999761581421,
  "summary_bg_k": 13.92774601264356,
  "summary_bg_mad": 10.608019184469907,
  "summary_bg_mean": 41.917362213134766,
  "summary_bg_median": 15.385000228881836,
  "summary_bg_n": 59294.0,
  "summary_bg_p05": 7.073333740234375,
  "summary_bg_p95": 200.78033218383786,
  "summary_bg_stdv": 71.6681900024414,
  "summary_fg_k": 1.7639127184339571,
  "summary_fg_mad": 88.83749959541541,
  "summary_fg_mean": 684.4005737304688,
  "summary_fg_median": 677.183349609375,
  "summary_fg_n": 23787.0,
  "summary_fg_p05": 551.4820251464844,
  "summary_fg_p95": 838.1540405273438,
  "summary_fg_stdv": 93.25102996826172,
  "tsnr": 72.45572434924543
}