{
  "aor": 7.513461538461538e-05,
  "aqi": 0.01811916575,
  "bids_meta": {
    "CogAtlasID": "https://www.cognitiveatlas.org/task/id/trm_4c8991fadfe01",
    "DeviceSerialNumber": "45031",
    "DwellTime": 5.4e-06,
    "EchoTime": 0.028,
    "EffectiveEchoSpacing": 0.000390001,
    "FlipAngle": 64,
    "InstitutionAddress": "Washington Rd, Princeton, NJ 08540, USA",
    "InstitutionName": "Princeton University",
    "InstitutionalDepartmentName": "Princeton Neuroscience Institute",
    "MagneticFieldStrength": 3,
    "Manufacturer": "Siemens",
    "ManufacturersModelName": "Skyra",
    "NumberOfVolumesDiscardedByScanner": 3,
    "ParallelReductionFactorInPlane": 2,
    "ParallelReductionType": "GRAPPA",
    "PartialFourier": 1,
    "PhaseEncodingDirection": "j-",
    "PixelBandwidth": 1445,
    "PulseSequenceDetails": "%SiemensSeq%_ep2d_bold",
    "PulseSequenceType": "Gradient Echo EPI",
    "ReceiveCoilActiveElements": "HE1-4",
    "ReceiveCoilName": "HeadNeck_20",
    "RepetitionTime": 1.5,
    "ScanOptions": "FS",
    "ScanningSequence": "EP",
    "SequenceName": "_epfid2d1_64",
    "SequenceVariant": "SK",
    "SliceTiming": [
      0,
      0.7775,
      0.055,
      0.8325,
      0.1125,
      0.89,
      0.1675,
      0.945,
      0.2225,
      1,
      0.2775,
      1.055,
      0.3325,
      1.11,
      0.39,
      1.1675,
      0.445,
      1.2225,
      0.5,
      1.2775,
      0.555,
      1.3325,
      0.6125,
      1.39,
      0.6675,
      1.445,
      0.7225
    ],
    "SoftwareVersions": "syngo_MR_D11",
    "StationName": "AWP45031",
    "TaskDescription": "Passively listened to audio story 'tunnel'",
    "TaskName": "tunnel",
    "TotalReadoutTime": 0.0245701,
    "dataset": "ds002345",
    "modality": "bold",
    "subject_id": "069",
    "task_id": "tunnel"
  },
  "dummy_trs": 0,
  "dvars_nstd": 26.363404761405185,
  "dvars_std": 0.8973537356111648,
  "dvars_vstd": 0.8148579948989422,
  "efc": 0.5755422271027092,
  "fber": 1223.4852294921875,
  "fd_mean": 0.14668140397627863,
  "fd_num": 121,
  "fd_perc": 11.634615384615385,
  "fwhm_avg": 1.7255941037963902,
  "fwhm_x": 1.6923333333333332,
  "fwhm_y": 1.9022666666666668,
  "fwhm_z": 1.5821823113891709,
  "gcor": 0.818608,
  "gsr_x": -0.004377785138785839,
  "gsr_y": 0.0424901582300663,
  "provenance": {
    "md5sum": "0a298577f80c96a17a18cea9b2b7c75b",
    "settings": {
      "fd_thres": 0.2,
      "testing": false
    },
    "software": "mriqc",
    "version": "21.0.0rc2",
    "webapi_port": null,
    "webapi_url": "https://mriqc.nimh.nih.gov/api/v1"
  },
  "size_t": 1040,
  "size_x": 64,
  "size_y": 64,
  "size_z": 27,
  "snr": 7.189436908162141,
  "spacing_tr": 1.5,
  "spacing_x": 3.0,
  "spacing_y": 3.0,
  "spacing_z": 4.000000476837158,
  "summary_bg_k": 12.279404288633023,
  "summary_bg_mad": 12.207946335253443,
  "summary_bg_mean": 41.13014602661133,
  "summary_bg_median": 16.80817413330078,
  "summary_bg_n": 59086.0,
  "summary_bg_p05": 7.2490386962890625,
  "summary_bg_p95": 188.89976501464844,
  "summary_bg_stdv": 65.04305267333984,
  "summary_fg_k": 2.4706532546456206,
  "summary_fg_mad": 79.0868381665437,
  "summary_fg_mean": 631.31103515625,
  "summary_fg_median": 623.826904296875,
  "summary_fg_n": 24233.0,
  "summary_fg_p05": 510.89845581054686,
  "summary_fg_p95": 774.8665283203125,
  "summary_fg_stdv": 86.76813507080078,
  "tsnr": 17.890233734739013
}