{
  "aor": 0.0005711351351351351,
  "aqi": 0.005270703486486486,
  "bids_meta": {
    "CogAtlasID": "https://www.cognitiveatlas.org/task/id/trm_4c8991fadfe01",
    "DeviceSerialNumber": "45031",
    "DwellTime": 5.4e-06,
    "EchoTime": 0.028,
    "EffectiveEchoSpacing": 0.000390001,
    "FlipAngle": 64,
    "InstitutionAddress": "Washington Rd, Princeton, NJ 08540, USA",
    "InstitutionName": "Princeton University",
    "InstitutionalDepartmentName": "Princeton Neuroscience Institute",
    "MagneticFieldStrength": 3,
    "Manufacturer": "Siemens",
    "ManufacturersModelName": "Skyra",
    "NumberOfVolumesDiscardedByScanner": 3,
    "ParallelReductionFactorInPlane": 2,
    "ParallelReductionType": "GRAPPA",
    "PartialFourier": 1,
    "PhaseEncodingDirection": "j-",
    "PixelBandwidth": 1445,
    "PulseSequenceDetails": "%SiemensSeq%_ep2d_bold",
    "PulseSequenceType": "Gradient Echo EPI",
    "ReceiveCoilActiveElements": "HE1-4",
    "ReceiveCoilName": "HeadNeck_20",
    "RepetitionTime": 1.5,
    "ScanOptions": "FS",
    "ScanningSequence": "EP",
    "SequenceName": "_epfid2d1_64",
    "SequenceVariant": "SK",
    "SliceTiming": [
      0,
      0.7775,
      0.0575,
      0.835,
      0.1125,
      0.89,
      0.1675,
      0.945,
      0.2225,
      1,
      0.28,
      1.0575,
      0.335,
      1.1125,
      0.39,
      1.1675,
      0.445,
      1.2225,
      0.5,
      1.2775,
      0.5575,
      1.335,
      0.6125,
      1.39,
      0.6675,
      1.445,
      0.7225
    ],
    "SoftwareVersions": "syngo_MR_D11",
    "StationName": "AWP45031",
    "TaskDescription": "Passively listened to audio story 'lucy'",
    "TaskName": "lucy",
    "TotalReadoutTime": 0.0245701,
    "dataset": "ds002345",
    "modality": "bold",
    "subject_id": "069",
    "task_id": "lucy"
  },
  "dummy_trs": 0,
  "dvars_nstd": 20.64411079574526,
  "dvars_std": 1.1658708053658529,
  "dvars_vstd": 1.0043635062330627,
  "efc": 0.5643958183975424,
  "fber": 1772.0802001953125,
  "fd_mean": 0.13383523580260032,
  "fd_num": 20,
  "fd_perc": 5.405405405405405,
  "fwhm_avg": 1.733869198604973,
  "fwhm_x": 1.6887400000000001,
  "fwhm_y": 1.90536,
  "fwhm_z": 1.6075075958149194,
  "gcor": 0.0077825,
  "gsr_x": 0.0031915223225951195,
  "gsr_y": 0.04732688143849373,
  "provenance": {
    "md5sum": "58a5834bb30da2c9dbe29e78affc45d1",
    "settings": {
      "fd_thres": 0.2,
      "testing": false
    },
    "software": "mriqc",
    "version": "21.0.0rc2",
    "webapi_port": null,
    "webapi_url": "https://mriqc.nimh.nih.gov/api/v1"
  },
  "size_t": 370,
  "size_x": 64,
  "size_y": 64,
  "size_z": 27,
  "snr": 7.220113447640679,
  "spacing_tr": 1.5,
  "spacing_x": 3.0,
  "spacing_y": 3.0,
  "spacing_z": 3.999999761581421,
  "summary_bg_k": 13.020482224148385,
  "summary_bg_mad": 10.562539751735091,
  "summary_bg_mean": 41.77033615112305,
  "summary_bg_median": 15.35945987701416,
  "summary_bg_n": 59521.0,
  "summary_bg_p05": 7.04054069519043,
  "summary_bg_p95": 204.14865112304688,
  "summary_bg_stdv": 70.76408386230469,
  "summary_fg_k": 1.8701107913403847,
  "summary_fg_mad": 87.9743977912097,
  "summary_fg_mean": 681.0322875976562,
  "summary_fg_median": 674.2918701171875,
  "summary_fg_n": 23588.0,
  "summary_fg_p05": 547.0552734375,
  "summary_fg_p95": 835.7813720703124,
  "summary_fg_stdv": 93.38877868652344,
  "tsnr": 77.20807429868728
}