{
  "bids_meta": {
    "DeviceSerialNumber": "66018",
    "DwellTime": 9.8e-06,
    "EchoTime": 0.00267,
    "FlipAngle": 7,
    "InstitutionAddress": "Washington Rd, Building 25, Princeton, NJ 08540, USA",
    "InstitutionName": "Princeton University",
    "InstitutionalDepartmentName": "Princeton Neuroscience Institute",
    "InversionTime": 1.2,
    "MagneticFieldStrength": 3,
    "Manufacturer": "Siemens",
    "ManufacturersModelName": "Prisma",
    "ParallelReductionFactorInPlane": 2,
    "ParellelReductionType": "TODO",
    "PartialFourier": 1,
    "PixelBandwidth": 200,
    "PulseSequenceDetails": "%SiemensSeq%_tfl",
    "PulseSequenceType": "MPRAGE",
    "ReceiveCoilActiveElements": "HC1-7;NC1",
    "ReceiveCoilName": "HeadNeck_64",
    "RepetitionTime": 2.53,
    "ScanOptions": "IR",
    "ScanningSequence": "GR_IR",
    "SequenceName": "_tfl3d1_16",
    "SequenceVariant": "SK_SP_MP",
    "SoftwareVersions": "syngo_MR_D13D",
    "StationName": "AWP66018",
    "dataset": "ds002345",
    "modality": "T1w",
    "run_id": 1,
    "subject_id": "235"
  },
  "cjv": 0.3982149786586395,
  "cnr": 3.13682040749148,
  "efc": 0.6012027621919381,
  "fber": 250.5912222547689,
  "fwhm_avg": 3.7605300000000006,
  "fwhm_x": 3.63542,
  "fwhm_y": 3.78734,
  "fwhm_z": 3.85883,
  "icvs_csf": 0.193052880838614,
  "icvs_gm": 0.41792764685280664,
  "icvs_wm": 0.38901947230857936,
  "inu_med": 1.2444422245025635,
  "inu_range": 0.6351012825965878,
  "provenance": {
    "md5sum": "7208255ee8d3a44b8e99ae47619f95d6",
    "settings": {
      "testing": false
    },
    "software": "mriqc",
    "version": "22.0.0rc1",
    "warnings": {
      "large_rot_frame": true,
      "small_air_mask": false
    },
    "webapi_port": null,
    "webapi_url": "https://mriqc.nimh.nih.gov/api/v1"
  },
  "qi_1": 0.00021886179360934932,
  "qi_2": 0.0022485680771032594,
  "rpve_csf": 29.897513144360847,
  "rpve_gm": 14.6546617153217,
  "rpve_wm": 19.184288134004607,
  "size_x": 176,
  "size_y": 256,
  "size_z": 256,
  "snr_csf": 3.2974470916402057,
  "snr_gm": 10.528518150330372,
  "snr_total": 11.14980164885396,
  "snr_wm": 19.623439704591306,
  "snrd_csf": 10.809132414114295,
  "snrd_gm": 18.50333119794735,
  "snrd_total": 18.33972126916348,
  "snrd_wm": 25.706700195428805,
  "spacing_x": 1.0,
  "spacing_y": 1.0,
  "spacing_z": 1.0,
  "summary_bg_k": 37.43318956397083,
  "summary_bg_mad": 25.48504408056928,
  "summary_bg_mean": 46.170186797890516,
  "summary_bg_median": 43.15861916542053,
  "summary_bg_n": 3285795.0,
  "summary_bg_p05": 10.683873862028122,
  "summary_bg_p95": 90.07246132194996,
  "summary_bg_stdv": 26.637958926828937,
  "summary_csf_k": -0.36336707415372294,
  "summary_csf_mad": 124.91592375491344,
  "summary_csf_mean": 400.9743720032416,
  "summary_csf_median": 420.47919407486916,
  "summary_csf_n": 3949.0,
  "summary_csf_p05": 174.2635029733181,
  "summary_csf_p95": 577.7860140770674,
  "summary_csf_stdv": 127.50043907522858,
  "summary_gm_k": 0.28068150075366427,
  "summary_gm_mad": 65.08488180576155,
  "summary_gm_mean": 718.2500967930797,
  "summary_gm_median": 719.7863336056471,
  "summary_gm_n": 14333.0,
  "summary_gm_p05": 601.7453945696354,
  "summary_gm_p95": 827.0164616644382,
  "summary_gm_stdv": 68.36301305474322,
  "summary_wm_k": 1.2189557813032392,
  "summary_wm_mad": 46.50040350700795,
  "summary_wm_mean": 1001.0946236554597,
  "summary_wm_median": 1000.0000153928995,
  "summary_wm_n": 179778.0,
  "summary_wm_p05": 920.3998660743237,
  "summary_wm_p95": 1085.0478825718164,
  "summary_wm_stdv": 50.959324625798665,
  "tpm_overlap_csf": 0.1420857310295105,
  "tpm_overlap_gm": 0.4305129051208496,
  "tpm_overlap_wm": 0.5004121661186218,
  "wm2max": 0.3816383643948769
}