{
  "bids_meta": {
    "DeviceSerialNumber": "45031",
    "DwellTime": 8.2e-06,
    "EchoTime": 0.00308,
    "FlipAngle": 9,
    "InstitutionAddress": "Washington Rd, Building 25, Princeton, NJ 08540, USA",
    "InstitutionName": "Princeton University",
    "InstitutionalDepartmentName": "Princeton Neuroscience Institute",
    "InversionTime": 0.9,
    "MagneticFieldStrength": 3,
    "Manufacturer": "Siemens",
    "ManufacturersModelName": "Skyra",
    "ParallelReductionFactorInPlane": 2,
    "ParellelReductionType": "TODO",
    "PartialFourier": 1,
    "PixelBandwidth": 240,
    "PulseSequenceDetails": "%SiemensSeq%_tfl",
    "PulseSequenceType": "MPRAGE",
    "ReceiveCoilActiveElements": "HE1-4",
    "ReceiveCoilName": "HeadNeck_20",
    "RepetitionTime": 2.3,
    "ScanOptions": "IR",
    "ScanningSequence": "GR_IR",
    "SequenceName": "_tfl3d1_16ns",
    "SequenceVariant": "SK_SP_MP",
    "SoftwareVersions": "syngo_MR_E11",
    "StationName": "AWP45031",
    "dataset": "ds002345",
    "modality": "T1w",
    "run_id": 2,
    "subject_id": "235"
  },
  "cjv": 0.5417965825344297,
  "cnr": 2.516684930942664,
  "efc": 0.6871473713456767,
  "fber": 547.0401234567902,
  "fwhm_avg": 3.1087226254599902,
  "fwhm_x": 3.1109998763799718,
  "fwhm_y": 3.304192,
  "fwhm_z": 2.910976,
  "icvs_csf": 0.1844304790928386,
  "icvs_gm": 0.43243916877276856,
  "icvs_wm": 0.38313035213439284,
  "inu_med": 1.2381435632705688,
  "inu_range": 0.457893967628479,
  "provenance": {
    "md5sum": "d284a87caa35fe1336b7507cfe543e02",
    "settings": {
      "testing": false
    },
    "software": "mriqc",
    "version": "22.0.0rc1",
    "warnings": {
      "large_rot_frame": true,
      "small_air_mask": false
    },
    "webapi_port": null,
    "webapi_url": "https://mriqc.nimh.nih.gov/api/v1"
  },
  "qi_1": 0.0,
  "qi_2": 0.0029466267792562116,
  "rpve_csf": 22.404044379979762,
  "rpve_gm": 10.576031040269891,
  "rpve_wm": 14.184011466333558,
  "size_x": 192,
  "size_y": 256,
  "size_z": 256,
  "snr_csf": 2.983482962510277,
  "snr_gm": 8.463817768386997,
  "snr_total": 8.524062771598302,
  "snr_wm": 14.12488758389763,
  "snrd_csf": 18.826638454356598,
  "snrd_gm": 30.716933584982755,
  "snrd_total": 30.780445787635262,
  "snrd_wm": 42.797765323566445,
  "spacing_x": 0.9000000357627869,
  "spacing_y": 0.859375,
  "spacing_z": 0.859375,
  "summary_bg_k": 174.29034091165732,
  "summary_bg_mad": 15.30772402207122,
  "summary_bg_mean": 28.408440689137805,
  "summary_bg_median": 24.059865593910217,
  "summary_bg_n": 2153347.0,
  "summary_bg_p05": 6.820119380950928,
  "summary_bg_p95": 61.94941771030426,
  "summary_bg_stdv": 19.43136284420671,
  "summary_csf_k": 13.076758401438486,
  "summary_csf_mad": 134.11813248695427,
  "summary_csf_mean": 429.69510154978303,
  "summary_csf_median": 439.89770007133484,
  "summary_csf_n": 7518.0,
  "summary_csf_p05": 191.5032687842846,
  "summary_csf_p95": 635.6114453345537,
  "summary_csf_stdv": 147.4345415500785,
  "summary_gm_k": 0.06272796763990085,
  "summary_gm_mad": 83.42007402853491,
  "summary_gm_mean": 720.7404011360927,
  "summary_gm_median": 717.7228409647942,
  "summary_gm_n": 27622.0,
  "summary_gm_p05": 585.7724757194519,
  "summary_gm_p95": 865.9657136201859,
  "summary_gm_stdv": 84.79741277728887,
  "summary_wm_k": 0.16896473493149688,
  "summary_wm_mad": 69.51672835711243,
  "summary_wm_mean": 998.6192549761146,
  "summary_wm_median": 1000.0000042319298,
  "summary_wm_n": 299204.0,
  "summary_wm_p05": 879.4165046215057,
  "summary_wm_p95": 1112.3425262570381,
  "summary_wm_stdv": 70.79690561713713,
  "tpm_overlap_csf": 0.14825230836868286,
  "tpm_overlap_gm": 0.4384573996067047,
  "tpm_overlap_wm": 0.4957374930381775,
  "wm2max": 0.4549254503145738
}