{
  "aor": 0.0008769255663430422,
  "aqi": 0.004223270291262136,
  "bids_meta": {
    "CogAtlasID": "https://www.cognitiveatlas.org/task/id/trm_4c8991fadfe01",
    "DeviceSerialNumber": "66018",
    "DwellTime": 4.2e-06,
    "EchoTime": 0.039,
    "EffectiveEchoSpacing": 0.000929976,
    "FlipAngle": 50,
    "InstitutionAddress": "Washington Rd, Princeton, NJ 08540, USA",
    "InstitutionName": "Princeton University",
    "InstitutionalDepartmentName": "Princeton Neuroscience Institute",
    "MagneticFieldStrength": 3,
    "Manufacturer": "Siemens",
    "ManufacturersModelName": "Prisma",
    "NumberOfVolumesDiscardedByScanner": 3,
    "ParallelReductionType": "GRAPPA",
    "PartialFourier": 0.75,
    "PhaseEncodingDirection": "j-",
    "PixelBandwidth": 1240,
    "PulseSequenceDetails": "%CustomerSeq%_ep2d_bold_sms_mgh_v22",
    "PulseSequenceType": "Gradient Echo EPI",
    "ReceiveCoilActiveElements": "HC1-7;NC1,2",
    "ReceiveCoilName": "HeadNeck_64",
    "RepetitionTime": 1.5,
    "ScanOptions": "PFP_FS",
    "ScanningSequence": "EP",
    "SequenceName": "epfSM2d1_96",
    "SequenceVariant": "SK",
    "SliceTiming": [
      0.6925,
      0,
      0.79,
      0.1,
      0.8875,
      0.1975,
      0.9875,
      0.2975,
      1.085,
      0.395,
      1.185,
      0.495,
      1.2825,
      0.5925,
      1.3825,
      0.6925,
      0,
      0.79,
      0.1,
      0.8875,
      0.1975,
      0.9875,
      0.2975,
      1.085,
      0.395,
      1.185,
      0.495,
      1.2825,
      0.5925,
      1.3825,
      0.6925,
      0,
      0.79,
      0.1,
      0.8875,
      0.1975,
      0.9875,
      0.2975,
      1.085,
      0.395,
      1.185,
      0.495,
      1.2825,
      0.5925,
      1.3825,
      0.6925,
      0,
      0.79,
      0.1,
      0.8875,
      0.1975,
      0.9875,
      0.2975,
      1.085,
      0.395,
      1.185,
      0.495,
      1.2825,
      0.5925,
      1.3825
    ],
    "SoftwareVersions": "syngo_MR_D13D",
    "StationName": "AWP66018",
    "TaskDescription": "Passively listened to audio story 'shapessocial'",
    "TaskName": "shapessocial",
    "TotalReadoutTime": 0.0883478,
    "dataset": "ds002345",
    "modality": "bold",
    "subject_id": "249",
    "task_id": "shapessocial"
  },
  "dummy_trs": 1,
  "dvars_nstd": 33.40060989584415,
  "dvars_std": 1.0878101822727273,
  "dvars_vstd": 1.001278857532468,
  "efc": 0.6313228004327633,
  "fber": 251.18502807617188,
  "fd_mean": 0.07651287832431808,
  "fd_num": 10,
  "fd_perc": 3.236245954692557,
  "fwhm_avg": 2.819205,
  "fwhm_x": 2.40946,
  "fwhm_y": 3.16659,
  "fwhm_z": 2.881565,
  "gcor": 0.0128012,
  "gsr_x": -0.0036403629928827286,
  "gsr_y": 0.07062198221683502,
  "provenance": {
    "md5sum": "97f036d52394274696a20d3be6828550",
    "settings": {
      "fd_thres": 0.2,
      "testing": false
    },
    "software": "mriqc",
    "version": "22.0.0rc1",
    "webapi_port": null,
    "webapi_url": "https://mriqc.nimh.nih.gov/api/v1"
  },
  "size_t": 309,
  "size_x": 96,
  "size_y": 96,
  "size_z": 60,
  "snr": 2.3573107500536907,
  "spacing_tr": 1.5,
  "spacing_x": 2.0,
  "spacing_y": 2.0,
  "spacing_z": 2.0,
  "summary_bg_k": 26.193941281708312,
  "summary_bg_mad": 9.524159983300493,
  "summary_bg_mean": 52.16605758666992,
  "summary_bg_median": 28.25242805480957,
  "summary_bg_n": 287989.0,
  "summary_bg_p05": 20.071197509765625,
  "summary_bg_p95": 174.26861572265625,
  "summary_bg_stdv": 62.71883773803711,
  "summary_fg_k": 1.6817151166986886,
  "summary_fg_mad": 179.47164993224436,
  "summary_fg_mean": 496.6615295410156,
  "summary_fg_median": 469.26861572265625,
  "summary_fg_n": 170863.0,
  "summary_fg_p05": 233.94175720214844,
  "summary_fg_p95": 858.8735168457031,
  "summary_fg_stdv": 199.0688934326172,
  "tsnr": 42.74100731499493
}