{
  "aor": 0.0008622903225806453,
  "aqi": 0.006621241032258064,
  "bids_meta": {
    "CogAtlasID": "https://www.cognitiveatlas.org/task/id/trm_4c8991fadfe01",
    "DeviceSerialNumber": "66018",
    "DwellTime": 4.2e-06,
    "EchoTime": 0.039,
    "EffectiveEchoSpacing": 0.000929976,
    "FlipAngle": 50,
    "InstitutionAddress": "Washington Rd, Princeton, NJ 08540, USA",
    "InstitutionName": "Princeton University",
    "InstitutionalDepartmentName": "Princeton Neuroscience Institute",
    "MagneticFieldStrength": 3,
    "Manufacturer": "Siemens",
    "ManufacturersModelName": "Prisma",
    "NumberOfVolumesDiscardedByScanner": 3,
    "ParallelReductionType": "GRAPPA",
    "PartialFourier": 0.75,
    "PhaseEncodingDirection": "j-",
    "PixelBandwidth": 1240,
    "PulseSequenceDetails": "%CustomerSeq%_ep2d_bold_sms_mgh_v22",
    "PulseSequenceType": "Gradient Echo EPI",
    "ReceiveCoilActiveElements": "HC1-7;NC1,2",
    "ReceiveCoilName": "HeadNeck_64",
    "RepetitionTime": 1.5,
    "ScanOptions": "PFP_FS",
    "ScanningSequence": "EP",
    "SequenceName": "epfSM2d1_96",
    "SequenceVariant": "SK",
    "SliceTiming": [
      0.6925,
      0,
      0.79,
      0.1,
      0.8875,
      0.1975,
      0.9875,
      0.2975,
      1.085,
      0.395,
      1.185,
      0.495,
      1.2825,
      0.5925,
      1.3825,
      0.6925,
      0,
      0.79,
      0.1,
      0.8875,
      0.1975,
      0.9875,
      0.2975,
      1.085,
      0.395,
      1.185,
      0.495,
      1.2825,
      0.5925,
      1.3825,
      0.6925,
      0,
      0.79,
      0.1,
      0.8875,
      0.1975,
      0.9875,
      0.2975,
      1.085,
      0.395,
      1.185,
      0.495,
      1.2825,
      0.5925,
      1.3825,
      0.6925,
      0,
      0.79,
      0.1,
      0.8875,
      0.1975,
      0.9875,
      0.2975,
      1.085,
      0.395,
      1.185,
      0.495,
      1.2825,
      0.5925,
      1.3825
    ],
    "SoftwareVersions": "syngo_MR_D13D",
    "StationName": "AWP66018",
    "TaskDescription": "Passively listened to audio story 'shapesphysical'",
    "TaskName": "shapesphysical",
    "TotalReadoutTime": 0.0883478,
    "dataset": "ds002345",
    "modality": "bold",
    "subject_id": "249",
    "task_id": "shapesphysical"
  },
  "dummy_trs": 0,
  "dvars_nstd": 30.1933255488673,
  "dvars_std": 1.0074466573462784,
  "dvars_vstd": 0.9715759474110034,
  "efc": 0.6288920266540429,
  "fber": 255.6096649169922,
  "fd_mean": 0.07820920685144202,
  "fd_num": 11,
  "fd_perc": 3.5483870967741935,
  "fwhm_avg": 2.858743333333333,
  "fwhm_x": 2.449155,
  "fwhm_y": 3.206115,
  "fwhm_z": 2.92096,
  "gcor": 0.0218359,
  "gsr_x": -0.0035921225789934397,
  "gsr_y": 0.06756692379713058,
  "provenance": {
    "md5sum": "b402861e2c773922d52b735f18d082d7",
    "settings": {
      "fd_thres": 0.2,
      "testing": false
    },
    "software": "mriqc",
    "version": "22.0.0rc1",
    "webapi_port": null,
    "webapi_url": "https://mriqc.nimh.nih.gov/api/v1"
  },
  "size_t": 310,
  "size_x": 96,
  "size_y": 96,
  "size_z": 60,
  "snr": 2.3439865004148177,
  "spacing_tr": 1.5,
  "spacing_x": 2.0,
  "spacing_y": 2.0,
  "spacing_z": 2.0,
  "summary_bg_k": 28.49208416522823,
  "summary_bg_mad": 9.785175207704835,
  "summary_bg_mean": 51.30230712890625,
  "summary_bg_median": 28.351612091064453,
  "summary_bg_n": 287289.0,
  "summary_bg_p05": 20.051612854003906,
  "summary_bg_p95": 168.73935241699203,
  "summary_bg_stdv": 61.2891960144043,
  "summary_fg_k": 1.8641086567522036,
  "summary_fg_mad": 182.40310127919804,
  "summary_fg_mean": 503.412841796875,
  "summary_fg_median": 475.19354248046875,
  "summary_fg_n": 170970.0,
  "summary_fg_p05": 237.6258087158203,
  "summary_fg_p95": 872.2372528076171,
  "summary_fg_stdv": 202.7281951904297,
  "tsnr": 36.266879873815924
}