{
  "aor": 0.000977221052631579,
  "aqi": 0.0096097112,
  "bids_meta": {
    "CogAtlasID": "https://www.cognitiveatlas.org/task/id/trm_4c8991fadfe01",
    "DeviceSerialNumber": "45031",
    "DwellTime": 5.4e-06,
    "EchoTime": 0.028,
    "EffectiveEchoSpacing": 0.000390001,
    "FlipAngle": 64,
    "InstitutionAddress": "Washington Rd, Princeton, NJ 08540, USA",
    "InstitutionName": "Princeton University",
    "InstitutionalDepartmentName": "Princeton Neuroscience Institute",
    "MagneticFieldStrength": 3,
    "Manufacturer": "Siemens",
    "ManufacturersModelName": "Skyra",
    "NumberOfVolumesDiscardedByScanner": 3,
    "ParallelReductionFactorInPlane": 2,
    "ParallelReductionType": "GRAPPA",
    "PartialFourier": 1,
    "PhaseEncodingDirection": "j-",
    "PixelBandwidth": 1445,
    "PulseSequenceDetails": "%SiemensSeq%_ep2d_bold",
    "PulseSequenceType": "Gradient Echo EPI",
    "ReceiveCoilActiveElements": "HE1-4",
    "ReceiveCoilName": "HeadNeck_20",
    "RepetitionTime": 1.5,
    "ScanOptions": "FS",
    "ScanningSequence": "EP",
    "SequenceName": "_epfid2d1_64",
    "SequenceVariant": "SK",
    "SliceTiming": [
      0,
      0.7775,
      0.055,
      0.8325,
      0.11,
      0.8875,
      0.165,
      0.9425,
      0.22,
      0.9975,
      0.2775,
      1.055,
      0.3325,
      1.11,
      0.3875,
      1.165,
      0.4425,
      1.22,
      0.5,
      1.2775,
      0.555,
      1.3325,
      0.61,
      1.3875,
      0.665,
      1.4425,
      0.72
    ],
    "SoftwareVersions": "syngo_MR_D11",
    "StationName": "AWP45031",
    "TaskDescription": "Passively listened to audio story 'prettymouth'",
    "TaskName": "prettymouth",
    "TotalReadoutTime": 0.0245701,
    "dataset": "ds002345",
    "modality": "bold",
    "subject_id": "023",
    "task_id": "prettymouth"
  },
  "dummy_trs": 0,
  "dvars_nstd": 21.332456351265844,
  "dvars_std": 1.1436251480168782,
  "dvars_vstd": 0.9967996407594935,
  "efc": 0.5614670644108523,
  "fber": 2108.63671875,
  "fd_mean": 0.16121602634331328,
  "fd_num": 140,
  "fd_perc": 29.473684210526315,
  "fwhm_avg": 1.6994228115513428,
  "fwhm_x": 1.6557033333333333,
  "fwhm_y": 1.9074233333333332,
  "fwhm_z": 1.535141767987362,
  "gcor": 0.0684239,
  "gsr_x": -0.01251889206469059,
  "gsr_y": 0.04521939903497696,
  "provenance": {
    "md5sum": "09f2aa1895b1d5f770a4348a29cd8af3",
    "settings": {
      "fd_thres": 0.2,
      "testing": false
    },
    "software": "mriqc",
    "version": "21.0.0rc2",
    "webapi_port": null,
    "webapi_url": "https://mriqc.nimh.nih.gov/api/v1"
  },
  "size_t": 475,
  "size_x": 64,
  "size_y": 64,
  "size_z": 27,
  "snr": 7.753323304701038,
  "spacing_tr": 1.5,
  "spacing_x": 3.0,
  "spacing_y": 3.0,
  "spacing_z": 4.000001907348633,
  "summary_bg_k": 30.03363891150532,
  "summary_bg_mad": 9.313862057001195,
  "summary_bg_mean": 33.756866455078125,
  "summary_bg_median": 14.745262145996094,
  "summary_bg_n": 58191.0,
  "summary_bg_p05": 6.804210186004639,
  "summary_bg_p95": 121.15262603759766,
  "summary_bg_stdv": 56.43902587890625,
  "summary_fg_k": 3.0068289629303315,
  "summary_fg_mad": 81.12487327184053,
  "summary_fg_mean": 708.2745971679688,
  "summary_fg_median": 700.9652099609375,
  "summary_fg_n": 24486.0,
  "summary_fg_p05": 584.2720794677734,
  "summary_fg_p95": 859.0152130126953,
  "summary_fg_stdv": 90.40650939941406,
  "tsnr": 65.39821412833408
}