{
  "aor": 0.001494092741935484,
  "aqi": 0.006699545806451613,
  "bids_meta": {
    "CogAtlasID": "https://www.cognitiveatlas.org/task/id/trm_4c8991fadfe01",
    "DeviceSerialNumber": "66018",
    "DwellTime": 4.2e-06,
    "EchoTime": 0.039,
    "EffectiveEchoSpacing": 0.000929976,
    "FlipAngle": 50,
    "InstitutionAddress": "Washington Rd, Princeton, NJ 08540, USA",
    "InstitutionName": "Princeton University",
    "InstitutionalDepartmentName": "Princeton Neuroscience Institute",
    "MagneticFieldStrength": 3,
    "Manufacturer": "Siemens",
    "ManufacturersModelName": "Prisma",
    "NumberOfVolumesDiscardedByScanner": 3,
    "ParallelReductionType": "GRAPPA",
    "PartialFourier": 0.75,
    "PhaseEncodingDirection": "j-",
    "PixelBandwidth": 1240,
    "PulseSequenceDetails": "%CustomerSeq%_ep2d_bold_sms_mgh_v22",
    "PulseSequenceType": "Gradient Echo EPI",
    "ReceiveCoilActiveElements": "HC1-7;NC1,2",
    "ReceiveCoilName": "HeadNeck_64",
    "RepetitionTime": 1.5,
    "ScanOptions": "PFP_FS",
    "ScanningSequence": "EP",
    "SequenceName": "epfSM2d1_96",
    "SequenceVariant": "SK",
    "SliceTiming": [
      0.6925,
      0,
      0.79,
      0.1,
      0.8875,
      0.1975,
      0.9875,
      0.2975,
      1.085,
      0.395,
      1.185,
      0.495,
      1.2825,
      0.5925,
      1.3825,
      0.6925,
      0,
      0.79,
      0.1,
      0.8875,
      0.1975,
      0.9875,
      0.2975,
      1.085,
      0.395,
      1.185,
      0.495,
      1.2825,
      0.5925,
      1.3825,
      0.6925,
      0,
      0.79,
      0.1,
      0.8875,
      0.1975,
      0.9875,
      0.2975,
      1.085,
      0.395,
      1.185,
      0.495,
      1.2825,
      0.5925,
      1.3825,
      0.6925,
      0,
      0.79,
      0.1,
      0.8875,
      0.1975,
      0.9875,
      0.2975,
      1.085,
      0.395,
      1.185,
      0.495,
      1.2825,
      0.5925,
      1.3825
    ],
    "SoftwareVersions": "syngo_MR_D13D",
    "StationName": "AWP66018",
    "TaskDescription": "Passively listened to audio story 'schema'",
    "TaskName": "schema",
    "TotalReadoutTime": 0.0883478,
    "dataset": "ds002345",
    "modality": "bold",
    "run_id": 4,
    "subject_id": "195",
    "task_id": "schema"
  },
  "dummy_trs": 0,
  "dvars_nstd": 35.49908468464647,
  "dvars_std": 1.1592958803636362,
  "dvars_vstd": 0.9846417735151519,
  "efc": 0.5753755748320953,
  "fber": 294.43695068359375,
  "fd_mean": 0.09081904384089107,
  "fd_num": 10,
  "fd_perc": 2.0161290322580645,
  "fwhm_avg": 2.847615056539778,
  "fwhm_x": 2.68326,
  "fwhm_y": 3.013845,
  "fwhm_z": 2.845740169619332,
  "gcor": 0.0119383,
  "gsr_x": 0.01359906792640686,
  "gsr_y": 0.034922149032354355,
  "provenance": {
    "md5sum": "09acd919e47188a5a00fa11ccdc1df80",
    "settings": {
      "fd_thres": 0.2,
      "testing": false
    },
    "software": "mriqc",
    "version": "22.0.0rc1",
    "webapi_port": null,
    "webapi_url": "https://mriqc.nimh.nih.gov/api/v1"
  },
  "size_t": 496,
  "size_x": 96,
  "size_y": 96,
  "size_z": 60,
  "snr": 2.088422849840945,
  "spacing_tr": 1.5,
  "spacing_x": 2.0,
  "spacing_y": 2.0,
  "spacing_z": 1.9999998807907104,
  "summary_bg_k": 60.50605150844019,
  "summary_bg_mad": 9.127271321594769,
  "summary_bg_mean": 45.3813362121582,
  "summary_bg_median": 27.734878540039062,
  "summary_bg_n": 319402.0,
  "summary_bg_p05": 19.69556427001953,
  "summary_bg_p95": 135.19354248046875,
  "summary_bg_stdv": 53.50029373168945,
  "summary_fg_k": 3.229841775041966,
  "summary_fg_mad": 195.7543487049709,
  "summary_fg_mean": 534.0676879882812,
  "summary_fg_median": 489.5906982421875,
  "summary_fg_n": 145615.0,
  "summary_fg_p05": 250.93850250244142,
  "summary_fg_p95": 983.1195190429685,
  "summary_fg_stdv": 234.43002319335938,
  "tsnr": 37.25220068509225
}