{
  "aor": 0.0010393787575150302,
  "aqi": 0.005302883607214429,
  "bids_meta": {
    "CogAtlasID": "https://www.cognitiveatlas.org/task/id/trm_4c8991fadfe01",
    "DeviceSerialNumber": "66018",
    "DwellTime": 4.2e-06,
    "EchoTime": 0.039,
    "EffectiveEchoSpacing": 0.000929976,
    "FlipAngle": 50,
    "InstitutionAddress": "Washington Rd, Princeton, NJ 08540, USA",
    "InstitutionName": "Princeton University",
    "InstitutionalDepartmentName": "Princeton Neuroscience Institute",
    "MagneticFieldStrength": 3,
    "Manufacturer": "Siemens",
    "ManufacturersModelName": "Prisma",
    "NumberOfVolumesDiscardedByScanner": 3,
    "ParallelReductionType": "GRAPPA",
    "PartialFourier": 0.75,
    "PhaseEncodingDirection": "j-",
    "PixelBandwidth": 1240,
    "PulseSequenceDetails": "%CustomerSeq%_ep2d_bold_sms_mgh_v22",
    "PulseSequenceType": "Gradient Echo EPI",
    "ReceiveCoilActiveElements": "HC1-7;NC1,2",
    "ReceiveCoilName": "HeadNeck_64",
    "RepetitionTime": 1.5,
    "ScanOptions": "PFP_FS",
    "ScanningSequence": "EP",
    "SequenceName": "epfSM2d1_96",
    "SequenceVariant": "SK",
    "SliceTiming": [
      0.6925,
      0,
      0.79,
      0.1,
      0.8875,
      0.1975,
      0.9875,
      0.2975,
      1.085,
      0.395,
      1.185,
      0.495,
      1.2825,
      0.5925,
      1.3825,
      0.6925,
      0,
      0.79,
      0.1,
      0.8875,
      0.1975,
      0.9875,
      0.2975,
      1.085,
      0.395,
      1.185,
      0.495,
      1.2825,
      0.5925,
      1.3825,
      0.6925,
      0,
      0.79,
      0.1,
      0.8875,
      0.1975,
      0.9875,
      0.2975,
      1.085,
      0.395,
      1.185,
      0.495,
      1.2825,
      0.5925,
      1.3825,
      0.6925,
      0,
      0.79,
      0.1,
      0.8875,
      0.1975,
      0.9875,
      0.2975,
      1.085,
      0.395,
      1.185,
      0.495,
      1.2825,
      0.5925,
      1.3825
    ],
    "SoftwareVersions": "syngo_MR_D13D",
    "StationName": "AWP66018",
    "TaskDescription": "Passively listened to audio story 'schema'",
    "TaskName": "schema",
    "TotalReadoutTime": 0.0883478,
    "dataset": "ds002345",
    "modality": "bold",
    "run_id": 3,
    "subject_id": "195",
    "task_id": "schema"
  },
  "dummy_trs": 4,
  "dvars_nstd": 33.79847827588355,
  "dvars_std": 1.1435404949397587,
  "dvars_vstd": 0.9915672536345393,
  "efc": 0.5749281038919514,
  "fber": 303.2801818847656,
  "fd_mean": 0.08668569153766832,
  "fd_num": 5,
  "fd_perc": 1.002004008016032,
  "fwhm_avg": 2.8710533904153146,
  "fwhm_x": 2.70215,
  "fwhm_y": 3.03798,
  "fwhm_z": 2.8730301712459427,
  "gcor": 0.0137889,
  "gsr_x": 0.011920266784727573,
  "gsr_y": 0.03393489867448807,
  "provenance": {
    "md5sum": "6e60846d31e6e2863539251d7e1cd635",
    "settings": {
      "fd_thres": 0.2,
      "testing": false
    },
    "software": "mriqc",
    "version": "22.0.0rc1",
    "webapi_port": null,
    "webapi_url": "https://mriqc.nimh.nih.gov/api/v1"
  },
  "size_t": 499,
  "size_x": 96,
  "size_y": 96,
  "size_z": 60,
  "snr": 2.0762669991298024,
  "spacing_tr": 1.5,
  "spacing_x": 2.0,
  "spacing_y": 2.0,
  "spacing_z": 1.9999998807907104,
  "summary_bg_k": 63.96792175023502,
  "summary_bg_mad": 8.848074504318033,
  "summary_bg_mean": 44.98822784423828,
  "summary_bg_median": 27.396793365478516,
  "summary_bg_n": 317811.0,
  "summary_bg_p05": 19.545089721679688,
  "summary_bg_p95": 133.25350952148438,
  "summary_bg_stdv": 54.14304733276367,
  "summary_fg_k": 3.111084839469518,
  "summary_fg_mad": 198.32695855427542,
  "summary_fg_mean": 537.7648315429688,
  "summary_fg_median": 492.3106384277344,
  "summary_fg_n": 146677.0,
  "summary_fg_p05": 250.4400848388672,
  "summary_fg_p95": 992.1823608398436,
  "summary_fg_stdv": 237.112548828125,
  "tsnr": 41.83214681688696
}