{
  "aor": 0.001782004048582996,
  "aqi": 0.006946475445344129,
  "bids_meta": {
    "CogAtlasID": "https://www.cognitiveatlas.org/task/id/trm_4c8991fadfe01",
    "DeviceSerialNumber": "66018",
    "DwellTime": 4.2e-06,
    "EchoTime": 0.039,
    "EffectiveEchoSpacing": 0.000929976,
    "FlipAngle": 50,
    "InstitutionAddress": "Washington Rd, Princeton, NJ 08540, USA",
    "InstitutionName": "Princeton University",
    "InstitutionalDepartmentName": "Princeton Neuroscience Institute",
    "MagneticFieldStrength": 3,
    "Manufacturer": "Siemens",
    "ManufacturersModelName": "Prisma",
    "NumberOfVolumesDiscardedByScanner": 3,
    "ParallelReductionType": "GRAPPA",
    "PartialFourier": 0.75,
    "PhaseEncodingDirection": "j-",
    "PixelBandwidth": 1240,
    "PulseSequenceDetails": "%CustomerSeq%_ep2d_bold_sms_mgh_v22",
    "PulseSequenceType": "Gradient Echo EPI",
    "ReceiveCoilActiveElements": "HC1-7;NC1,2",
    "ReceiveCoilName": "HeadNeck_64",
    "RepetitionTime": 1.5,
    "ScanOptions": "PFP_FS",
    "ScanningSequence": "EP",
    "SequenceName": "epfSM2d1_96",
    "SequenceVariant": "SK",
    "SliceTiming": [
      0.6925,
      0,
      0.79,
      0.1,
      0.8875,
      0.1975,
      0.9875,
      0.2975,
      1.085,
      0.395,
      1.185,
      0.495,
      1.2825,
      0.5925,
      1.3825,
      0.6925,
      0,
      0.79,
      0.1,
      0.8875,
      0.1975,
      0.9875,
      0.2975,
      1.085,
      0.395,
      1.185,
      0.495,
      1.2825,
      0.5925,
      1.3825,
      0.6925,
      0,
      0.79,
      0.1,
      0.8875,
      0.1975,
      0.9875,
      0.2975,
      1.085,
      0.395,
      1.185,
      0.495,
      1.2825,
      0.5925,
      1.3825,
      0.6925,
      0,
      0.79,
      0.1,
      0.8875,
      0.1975,
      0.9875,
      0.2975,
      1.085,
      0.395,
      1.185,
      0.495,
      1.2825,
      0.5925,
      1.3825
    ],
    "SoftwareVersions": "syngo_MR_D13D",
    "StationName": "AWP66018",
    "TaskDescription": "Passively listened to audio story 'schema'",
    "TaskName": "schema",
    "TotalReadoutTime": 0.0883478,
    "dataset": "ds002345",
    "modality": "bold",
    "run_id": 1,
    "subject_id": "195",
    "task_id": "schema"
  },
  "dummy_trs": 1,
  "dvars_nstd": 32.93685072770791,
  "dvars_std": 1.1137641720892495,
  "dvars_vstd": 0.9931565398377291,
  "efc": 0.5712080020153617,
  "fber": 319.6629638671875,
  "fd_mean": 0.07381066229077819,
  "fd_num": 2,
  "fd_perc": 0.4048582995951417,
  "fwhm_avg": 2.8688000570455228,
  "fwhm_x": 2.698965,
  "fwhm_y": 3.03624,
  "fwhm_z": 2.8711951711365686,
  "gcor": 0.00946174,
  "gsr_x": 0.011781727895140648,
  "gsr_y": 0.03649426996707916,
  "provenance": {
    "md5sum": "8d3131f45bdbddc3d65042b7a368e1cc",
    "settings": {
      "fd_thres": 0.2,
      "testing": false
    },
    "software": "mriqc",
    "version": "22.0.0rc1",
    "webapi_port": null,
    "webapi_url": "https://mriqc.nimh.nih.gov/api/v1"
  },
  "size_t": 494,
  "size_x": 96,
  "size_y": 96,
  "size_z": 60,
  "snr": 2.063262415060359,
  "spacing_tr": 1.5,
  "spacing_x": 2.0,
  "spacing_y": 2.0,
  "spacing_z": 1.9999998807907104,
  "summary_bg_k": 71.9048052758445,
  "summary_bg_mad": 9.129707505164186,
  "summary_bg_mean": 43.815547943115234,
  "summary_bg_median": 26.829959869384766,
  "summary_bg_n": 318866.0,
  "summary_bg_p05": 18.69635581970215,
  "summary_bg_p95": 128.17358779907227,
  "summary_bg_stdv": 52.35795211791992,
  "summary_fg_k": 3.401913318474981,
  "summary_fg_mad": 197.900339403937,
  "summary_fg_mean": 541.383544921875,
  "summary_fg_median": 494.70245361328125,
  "summary_fg_n": 145727.0,
  "summary_fg_p05": 252.76174774169922,
  "summary_fg_p95": 999.8891174316404,
  "summary_fg_stdv": 239.7662811279297,
  "tsnr": 36.66432810621336
}