{
  "aor": 0.0014895145631067957,
  "aqi": 0.006056645404530744,
  "bids_meta": {
    "CogAtlasID": "https://www.cognitiveatlas.org/task/id/trm_4c8991fadfe01",
    "DeviceSerialNumber": "66018",
    "DwellTime": 4.2e-06,
    "EchoTime": 0.039,
    "EffectiveEchoSpacing": 0.000929976,
    "FlipAngle": 50,
    "InstitutionAddress": "Washington Rd, Princeton, NJ 08540, USA",
    "InstitutionName": "Princeton University",
    "InstitutionalDepartmentName": "Princeton Neuroscience Institute",
    "MagneticFieldStrength": 3,
    "Manufacturer": "Siemens",
    "ManufacturersModelName": "Prisma",
    "NumberOfVolumesDiscardedByScanner": 3,
    "ParallelReductionType": "GRAPPA",
    "PartialFourier": 0.75,
    "PhaseEncodingDirection": "j-",
    "PixelBandwidth": 1240,
    "PulseSequenceDetails": "%CustomerSeq%_ep2d_bold_sms_mgh_v22",
    "PulseSequenceType": "Gradient Echo EPI",
    "ReceiveCoilActiveElements": "HC1-7;NC1,2",
    "ReceiveCoilName": "HeadNeck_64",
    "RepetitionTime": 1.5,
    "ScanOptions": "PFP_FS",
    "ScanningSequence": "EP",
    "SequenceName": "epfSM2d1_96",
    "SequenceVariant": "SK",
    "SliceTiming": [
      0.6925,
      0,
      0.79,
      0.1,
      0.8875,
      0.1975,
      0.9875,
      0.2975,
      1.085,
      0.395,
      1.185,
      0.495,
      1.2825,
      0.5925,
      1.3825,
      0.6925,
      0,
      0.79,
      0.1,
      0.8875,
      0.1975,
      0.9875,
      0.2975,
      1.085,
      0.395,
      1.185,
      0.495,
      1.2825,
      0.5925,
      1.3825,
      0.6925,
      0,
      0.79,
      0.1,
      0.8875,
      0.1975,
      0.9875,
      0.2975,
      1.085,
      0.395,
      1.185,
      0.495,
      1.2825,
      0.5925,
      1.3825,
      0.6925,
      0,
      0.79,
      0.1,
      0.8875,
      0.1975,
      0.9875,
      0.2975,
      1.085,
      0.395,
      1.185,
      0.495,
      1.2825,
      0.5925,
      1.3825
    ],
    "SoftwareVersions": "syngo_MR_D13D",
    "StationName": "AWP66018",
    "TaskDescription": "Passively listened to audio story 'shapesphysical'",
    "TaskName": "shapesphysical",
    "TotalReadoutTime": 0.0883478,
    "dataset": "ds002345",
    "modality": "bold",
    "subject_id": "215",
    "task_id": "shapesphysical"
  },
  "dummy_trs": 0,
  "dvars_nstd": 32.054800312402584,
  "dvars_std": 1.0705861022727272,
  "dvars_vstd": 0.9860629828246753,
  "efc": 0.6025017190868186,
  "fber": 290.31024169921875,
  "fd_mean": 0.11033480394566225,
  "fd_num": 14,
  "fd_perc": 4.53074433656958,
  "fwhm_avg": 3.021841666666667,
  "fwhm_x": 2.85568,
  "fwhm_y": 3.10512,
  "fwhm_z": 3.104725,
  "gcor": 0.01178,
  "gsr_x": -0.013385330326855183,
  "gsr_y": 0.07327382266521454,
  "provenance": {
    "md5sum": "0bd810bfd902f3d3a3a261d82435199d",
    "settings": {
      "fd_thres": 0.2,
      "testing": false
    },
    "software": "mriqc",
    "version": "22.0.0rc1",
    "webapi_port": null,
    "webapi_url": "https://mriqc.nimh.nih.gov/api/v1"
  },
  "size_t": 309,
  "size_x": 96,
  "size_y": 96,
  "size_z": 60,
  "snr": 2.0748529304749024,
  "spacing_tr": 1.5,
  "spacing_x": 2.0,
  "spacing_y": 2.0,
  "spacing_z": 2.0,
  "summary_bg_k": 24.994648383959284,
  "summary_bg_mad": 11.217877373667275,
  "summary_bg_mean": 55.1937370300293,
  "summary_bg_median": 30.67961311340332,
  "summary_bg_n": 299338.0,
  "summary_bg_p05": 20.786409378051758,
  "summary_bg_p95": 177.0231445312499,
  "summary_bg_stdv": 64.81402587890625,
  "summary_fg_k": 4.323598103420908,
  "summary_fg_mad": 213.24044015364942,
  "summary_fg_mean": 597.6768188476562,
  "summary_fg_median": 543.4887084960938,
  "summary_fg_n": 163357.0,
  "summary_fg_p05": 289.0990478515625,
  "summary_fg_p95": 1089.3935546874986,
  "summary_fg_stdv": 261.9400329589844,
  "tsnr": 39.615195081336424
}