{
  "bids_meta": {
    "DeviceSerialNumber": "66018",
    "DwellTime": 9.8e-06,
    "EchoTime": 0.00267,
    "FlipAngle": 7,
    "InstitutionAddress": "Washington Rd, Building 25, Princeton, NJ 08540, USA",
    "InstitutionName": "Princeton University",
    "InstitutionalDepartmentName": "Princeton Neuroscience Institute",
    "InversionTime": 1.2,
    "MagneticFieldStrength": 3,
    "Manufacturer": "Siemens",
    "ManufacturersModelName": "Prisma",
    "ParallelReductionFactorInPlane": 2,
    "ParellelReductionType": "TODO",
    "PartialFourier": 1,
    "PixelBandwidth": 200,
    "PulseSequenceDetails": "%SiemensSeq%_tfl",
    "PulseSequenceType": "MPRAGE",
    "ReceiveCoilActiveElements": "HC1-7;NC1",
    "ReceiveCoilName": "HeadNeck_64",
    "RepetitionTime": 2.53,
    "ScanOptions": "IR",
    "ScanningSequence": "GR_IR",
    "SequenceName": "_tfl3d1_16",
    "SequenceVariant": "SK_SP_MP",
    "SoftwareVersions": "syngo_MR_D13D",
    "StationName": "AWP66018",
    "dataset": "ds002345",
    "modality": "T1w",
    "subject_id": "215"
  },
  "cjv": 0.3946430587673714,
  "cnr": 3.160285073718493,
  "efc": 0.5710465845033315,
  "fber": 379.1087751328104,
  "fwhm_avg": 3.78762,
  "fwhm_x": 3.69655,
  "fwhm_y": 3.76639,
  "fwhm_z": 3.89992,
  "icvs_csf": 0.17503074300346913,
  "icvs_gm": 0.412077899559928,
  "icvs_wm": 0.4128913574366029,
  "inu_med": 1.056562900543213,
  "inu_range": 0.4981149226427075,
  "provenance": {
    "md5sum": "9b0489693b4d125475b7740d9861530f",
    "settings": {
      "testing": false
    },
    "software": "mriqc",
    "version": "22.0.0rc1",
    "warnings": {
      "large_rot_frame": true,
      "small_air_mask": false
    },
    "webapi_port": null,
    "webapi_url": "https://mriqc.nimh.nih.gov/api/v1"
  },
  "qi_1": 2.3772884596704517e-05,
  "qi_2": 0.0023265924809852596,
  "rpve_csf": 25.994821337272057,
  "rpve_gm": 11.781324290781063,
  "rpve_wm": 14.436643859390047,
  "size_x": 176,
  "size_y": 256,
  "size_z": 256,
  "snr_csf": 2.014731613364363,
  "snr_gm": 11.455859442228721,
  "snr_total": 10.842061260033354,
  "snr_wm": 19.055592724506976,
  "snrd_csf": 12.252204122916861,
  "snrd_gm": 22.45316833427162,
  "snrd_total": 21.81963564840768,
  "snrd_wm": 30.753534488034557,
  "spacing_x": 1.0,
  "spacing_y": 1.0,
  "spacing_z": 1.0,
  "summary_bg_k": 11.853903089514777,
  "summary_bg_mad": 21.30280001390694,
  "summary_bg_mean": 39.19163515214199,
  "summary_bg_median": 36.9009724855423,
  "summary_bg_n": 3663890.0,
  "summary_bg_p05": 8.817046523094177,
  "summary_bg_p95": 76.41440320014954,
  "summary_bg_stdv": 21.871772665997344,
  "summary_csf_k": 20.413688573056362,
  "summary_csf_mad": 183.3735342106194,
  "summary_csf_mean": 388.12146183385534,
  "summary_csf_median": 398.39987993240356,
  "summary_csf_n": 11178.0,
  "summary_csf_p05": 157.80880489945412,
  "summary_csf_p95": 588.9705438107252,
  "summary_csf_stdv": 197.7345549041487,
  "summary_gm_k": 0.24532152404116703,
  "summary_gm_mad": 61.48762731286776,
  "summary_gm_mean": 727.2742031741002,
  "summary_gm_median": 730.1004357039928,
  "summary_gm_n": 15744.0,
  "summary_gm_p05": 617.0299779772758,
  "summary_gm_p95": 827.7288161173461,
  "summary_gm_stdv": 63.72959203915951,
  "summary_wm_k": 3.601149557318659,
  "summary_wm_mad": 45.026372756666944,
  "summary_wm_mean": 1004.3476979476347,
  "summary_wm_median": 1000.0000264942646,
  "summary_wm_n": 239072.0,
  "summary_wm_p05": 929.6269329488277,
  "summary_wm_p95": 1090.4563926756382,
  "summary_wm_stdv": 52.47792338601933,
  "tpm_overlap_csf": 0.16151359677314758,
  "tpm_overlap_gm": 0.41838839650154114,
  "tpm_overlap_wm": 0.487872838973999,
  "wm2max": 0.3293376485912853
}