{
  "aor": 0.0007979166666666667,
  "aqi": 0.004265292628205128,
  "bids_meta": {
    "CogAtlasID": "https://www.cognitiveatlas.org/task/id/trm_4c8991fadfe01",
    "DeviceSerialNumber": "66018",
    "DwellTime": 4.2e-06,
    "EchoTime": 0.039,
    "EffectiveEchoSpacing": 0.000929976,
    "FlipAngle": 50,
    "InstitutionAddress": "Washington Rd, Princeton, NJ 08540, USA",
    "InstitutionName": "Princeton University",
    "InstitutionalDepartmentName": "Princeton Neuroscience Institute",
    "MagneticFieldStrength": 3,
    "Manufacturer": "Siemens",
    "ManufacturersModelName": "Prisma",
    "NumberOfVolumesDiscardedByScanner": 3,
    "ParallelReductionType": "GRAPPA",
    "PartialFourier": 0.75,
    "PhaseEncodingDirection": "j-",
    "PixelBandwidth": 1240,
    "PulseSequenceDetails": "%CustomerSeq%_ep2d_bold_sms_mgh_v22",
    "PulseSequenceType": "Gradient Echo EPI",
    "ReceiveCoilActiveElements": "HC1-7;NC1,2",
    "ReceiveCoilName": "HeadNeck_64",
    "RepetitionTime": 1.5,
    "ScanOptions": "PFP_FS",
    "ScanningSequence": "EP",
    "SequenceName": "epfSM2d1_96",
    "SequenceVariant": "SK",
    "SliceTiming": [
      0.6925,
      0,
      0.79,
      0.1,
      0.8875,
      0.1975,
      0.9875,
      0.2975,
      1.085,
      0.395,
      1.185,
      0.495,
      1.2825,
      0.5925,
      1.3825,
      0.6925,
      0,
      0.79,
      0.1,
      0.8875,
      0.1975,
      0.9875,
      0.2975,
      1.085,
      0.395,
      1.185,
      0.495,
      1.2825,
      0.5925,
      1.3825,
      0.6925,
      0,
      0.79,
      0.1,
      0.8875,
      0.1975,
      0.9875,
      0.2975,
      1.085,
      0.395,
      1.185,
      0.495,
      1.2825,
      0.5925,
      1.3825,
      0.6925,
      0,
      0.79,
      0.1,
      0.8875,
      0.1975,
      0.9875,
      0.2975,
      1.085,
      0.395,
      1.185,
      0.495,
      1.2825,
      0.5925,
      1.3825
    ],
    "SoftwareVersions": "syngo_MR_D13D",
    "StationName": "AWP66018",
    "TaskDescription": "Passively listened to audio story 'shapessocial'",
    "TaskName": "shapessocial",
    "TotalReadoutTime": 0.0883478,
    "dataset": "ds002345",
    "modality": "bold",
    "subject_id": "201",
    "task_id": "shapessocial"
  },
  "dummy_trs": 1,
  "dvars_nstd": 28.052265768520915,
  "dvars_std": 1.0395205512540202,
  "dvars_vstd": 0.9845253099356899,
  "efc": 0.5913424066230473,
  "fber": 345.7886657714844,
  "fd_mean": 0.08297108385101244,
  "fd_num": 2,
  "fd_perc": 0.6410256410256411,
  "fwhm_avg": 2.9171483333333335,
  "fwhm_x": 2.73121,
  "fwhm_y": 3.0858,
  "fwhm_z": 2.934435,
  "gcor": 0.0182267,
  "gsr_x": 0.0021106142085045576,
  "gsr_y": 0.06739254295825958,
  "provenance": {
    "md5sum": "9b5af2b76c34a7a66db8167b512a2c4d",
    "settings": {
      "fd_thres": 0.2,
      "testing": false
    },
    "software": "mriqc",
    "version": "22.0.0rc1",
    "webapi_port": null,
    "webapi_url": "https://mriqc.nimh.nih.gov/api/v1"
  },
  "size_t": 312,
  "size_x": 96,
  "size_y": 96,
  "size_z": 60,
  "snr": 2.2871523158032643,
  "spacing_tr": 1.5,
  "spacing_x": 2.0,
  "spacing_y": 2.0,
  "spacing_z": 2.0,
  "summary_bg_k": 45.7639596160967,
  "summary_bg_mad": 8.059274178100054,
  "summary_bg_mean": 49.551082611083984,
  "summary_bg_median": 26.15705108642578,
  "summary_bg_n": 312573.0,
  "summary_bg_p05": 19.307693481445312,
  "summary_bg_p95": 166.47949218749955,
  "summary_bg_stdv": 65.4637222290039,
  "summary_fg_k": 3.3132303961429272,
  "summary_fg_mad": 194.88617941271366,
  "summary_fg_mean": 536.806396484375,
  "summary_fg_median": 500.5032043457031,
  "summary_fg_n": 152084.0,
  "summary_fg_p05": 265.0480651855469,
  "summary_fg_p95": 935.7165191650391,
  "summary_fg_stdv": 218.83175659179688,
  "tsnr": 44.210463342256844
}