{
  "aor": 0.0033635215651400623,
  "aqi": 0.022063989266340595,
  "bids_meta": {
    "CogAtlasID": "https://www.cognitiveatlas.org/task/id/trm_4c8991fadfe01",
    "DeviceSerialNumber": "45031",
    "DwellTime": 4.9e-06,
    "EchoTime": 0.028,
    "EffectiveEchoSpacing": 0.000355001,
    "FlipAngle": 64,
    "InstitutionAddress": "Washington Rd, Princeton, NJ 08540, USA",
    "InstitutionName": "Princeton University",
    "InstitutionalDepartmentName": "Princeton Neuroscience Institute",
    "MagneticFieldStrength": 3,
    "Manufacturer": "Siemens",
    "ManufacturersModelName": "Skyra",
    "NumberOfVolumesDiscardedByScanner": 3,
    "ParallelReductionFactorInPlane": 2,
    "ParallelReductionType": "GRAPPA",
    "PartialFourier": 1,
    "PhaseEncodingDirection": "j-",
    "PixelBandwidth": 1595,
    "PulseSequenceDetails": "%SiemensSeq%_ep2d_bold",
    "PulseSequenceType": "Gradient Echo EPI",
    "ReceiveCoilActiveElements": "HE1-4",
    "ReceiveCoilName": "HeadNeck_20",
    "RepetitionTime": 1.5,
    "ScanOptions": "FS",
    "ScanningSequence": "EP",
    "SequenceName": "_epfid2d1_64",
    "SequenceVariant": "SK",
    "SliceTiming": [
      0,
      0.7675,
      0.055,
      0.8225,
      0.11,
      0.8775,
      0.165,
      0.9325,
      0.22,
      0.9875,
      0.275,
      1.0425,
      0.33,
      1.0975,
      0.385,
      1.1525,
      0.44,
      1.2075,
      0.495,
      1.2625,
      0.55,
      1.315,
      0.6025,
      1.37,
      0.6575,
      1.425,
      0.7125
    ],
    "SoftwareVersions": "syngo_MR_E11",
    "StationName": "AWP45031",
    "TaskDescription": "Passively listened to audio story '21styear'",
    "TaskName": "21styear",
    "TotalReadoutTime": 0.022365,
    "dataset": "ds002345",
    "modality": "bold",
    "subject_id": "201",
    "task_id": "21styear"
  },
  "dummy_trs": 0,
  "dvars_nstd": 17.04900635908807,
  "dvars_std": 1.0715247696307846,
  "dvars_vstd": 1.0018176197153017,
  "efc": 0.6101536248781178,
  "fber": 1665.7584228515625,
  "fd_mean": 0.1109979002274448,
  "fd_num": 62,
  "fd_perc": 2.7567807914628726,
  "fwhm_avg": 1.7643463888888888,
  "fwhm_x": 1.7019933333333332,
  "fwhm_y": 2.0138233333333333,
  "fwhm_z": 1.5772225,
  "gcor": 0.0200127,
  "gsr_x": -0.01432671956717968,
  "gsr_y": 0.049966976046562195,
  "provenance": {
    "md5sum": "c3f6d6833f4335993e1e910c7a5d3d37",
    "settings": {
      "fd_thres": 0.2,
      "testing": false
    },
    "software": "mriqc",
    "version": "22.0.0rc1",
    "webapi_port": null,
    "webapi_url": "https://mriqc.nimh.nih.gov/api/v1"
  },
  "size_t": 2249,
  "size_x": 64,
  "size_y": 64,
  "size_z": 27,
  "snr": 6.89365369521991,
  "spacing_tr": 1.5,
  "spacing_x": 3.0,
  "spacing_y": 3.0,
  "spacing_z": 4.0,
  "summary_bg_k": 22.253803291413842,
  "summary_bg_mad": 13.486470460031926,
  "summary_bg_mean": 51.24542236328125,
  "summary_bg_median": 18.152956008911133,
  "summary_bg_n": 53247.0,
  "summary_bg_p05": 7.104624223709107,
  "summary_bg_p95": 207.678482055664,
  "summary_bg_stdv": 85.46211242675781,
  "summary_fg_k": 2.881557870356289,
  "summary_fg_mad": 99.67911880909568,
  "summary_fg_mean": 777.0396728515625,
  "summary_fg_median": 765.5242309570312,
  "summary_fg_n": 29209.0,
  "summary_fg_p05": 631.9959838867187,
  "summary_fg_p95": 963.5159423828125,
  "summary_fg_stdv": 111.0457763671875,
  "tsnr": 48.7258742863778
}