{
  "aor": 0.000475597609561753,
  "aqi": 0.006792230159362549,
  "bids_meta": {
    "CogAtlasID": "https://www.cognitiveatlas.org/task/id/trm_4c8991fadfe01",
    "DeviceSerialNumber": "66018",
    "DwellTime": 4.2e-06,
    "EchoTime": 0.039,
    "EffectiveEchoSpacing": 0.000929976,
    "FlipAngle": 50,
    "InstitutionAddress": "Washington Rd, Princeton, NJ 08540, USA",
    "InstitutionName": "Princeton University",
    "InstitutionalDepartmentName": "Princeton Neuroscience Institute",
    "MagneticFieldStrength": 3,
    "Manufacturer": "Siemens",
    "ManufacturersModelName": "Prisma",
    "NumberOfVolumesDiscardedByScanner": 3,
    "ParallelReductionType": "GRAPPA",
    "PartialFourier": 0.75,
    "PhaseEncodingDirection": "j-",
    "PixelBandwidth": 1240,
    "PulseSequenceDetails": "%CustomerSeq%_ep2d_bold_sms_mgh_v22",
    "PulseSequenceType": "Gradient Echo EPI",
    "ReceiveCoilActiveElements": "HC1-7;NC1,2",
    "ReceiveCoilName": "HeadNeck_64",
    "RepetitionTime": 1.5,
    "ScanOptions": "PFP_FS",
    "ScanningSequence": "EP",
    "SequenceName": "epfSM2d1_96",
    "SequenceVariant": "SK",
    "SliceTiming": [
      0.6925,
      0,
      0.79,
      0.1,
      0.8875,
      0.1975,
      0.9875,
      0.2975,
      1.085,
      0.395,
      1.185,
      0.495,
      1.2825,
      0.5925,
      1.3825,
      0.6925,
      0,
      0.79,
      0.1,
      0.8875,
      0.1975,
      0.9875,
      0.2975,
      1.085,
      0.395,
      1.185,
      0.495,
      1.2825,
      0.5925,
      1.3825,
      0.6925,
      0,
      0.79,
      0.1,
      0.8875,
      0.1975,
      0.9875,
      0.2975,
      1.085,
      0.395,
      1.185,
      0.495,
      1.2825,
      0.5925,
      1.3825,
      0.6925,
      0,
      0.79,
      0.1,
      0.8875,
      0.1975,
      0.9875,
      0.2975,
      1.085,
      0.395,
      1.185,
      0.495,
      1.2825,
      0.5925,
      1.3825
    ],
    "SoftwareVersions": "syngo_MR_D13D",
    "StationName": "AWP66018",
    "TaskDescription": "Passively listened to audio story 'schema'",
    "TaskName": "schema",
    "TotalReadoutTime": 0.0883478,
    "dataset": "ds002345",
    "modality": "bold",
    "run_id": 3,
    "subject_id": "201",
    "task_id": "schema"
  },
  "dummy_trs": 1,
  "dvars_nstd": 27.577928596187604,
  "dvars_std": 1.0180563988223545,
  "dvars_vstd": 0.9568705674051903,
  "efc": 0.5778715003002475,
  "fber": 364.85540771484375,
  "fd_mean": 0.08864367199297861,
  "fd_num": 6,
  "fd_perc": 1.1952191235059761,
  "fwhm_avg": 3.000738333333333,
  "fwhm_x": 2.842155,
  "fwhm_y": 3.142395,
  "fwhm_z": 3.017665,
  "gcor": 0.00923563,
  "gsr_x": -0.003866757731884718,
  "gsr_y": 0.0646052211523056,
  "provenance": {
    "md5sum": "c95c991bd3ee7104aa31debcdb6753d9",
    "settings": {
      "fd_thres": 0.2,
      "testing": false
    },
    "software": "mriqc",
    "version": "22.0.0rc1",
    "webapi_port": null,
    "webapi_url": "https://mriqc.nimh.nih.gov/api/v1"
  },
  "size_t": 502,
  "size_x": 96,
  "size_y": 96,
  "size_z": 60,
  "snr": 2.0165771205678653,
  "spacing_tr": 1.5,
  "spacing_x": 2.0,
  "spacing_y": 2.0,
  "spacing_z": 2.0,
  "summary_bg_k": 28.754948805427762,
  "summary_bg_mad": 9.979507153234627,
  "summary_bg_mean": 56.715030670166016,
  "summary_bg_median": 28.095619201660156,
  "summary_bg_n": 317475.0,
  "summary_bg_p05": 19.89641571044922,
  "summary_bg_p95": 201.95398864746087,
  "summary_bg_stdv": 75.27696228027344,
  "summary_fg_k": 3.9217581349508004,
  "summary_fg_mad": 230.63920792429704,
  "summary_fg_mean": 609.8160400390625,
  "summary_fg_median": 554.1195678710938,
  "summary_fg_n": 148727.0,
  "summary_fg_p05": 290.3364501953125,
  "summary_fg_p95": 1126.4727661132808,
  "summary_fg_stdv": 274.78131103515625,
  "tsnr": 41.39883601479232
}