{
  "aor": 0.0008527831715210355,
  "aqi": 0.003099641747572816,
  "bids_meta": {
    "CogAtlasID": "https://www.cognitiveatlas.org/task/id/trm_4c8991fadfe01",
    "DeviceSerialNumber": "66018",
    "DwellTime": 4.2e-06,
    "EchoTime": 0.039,
    "EffectiveEchoSpacing": 0.000929976,
    "FlipAngle": 50,
    "InstitutionAddress": "Washington Rd, Princeton, NJ 08540, USA",
    "InstitutionName": "Princeton University",
    "InstitutionalDepartmentName": "Princeton Neuroscience Institute",
    "MagneticFieldStrength": 3,
    "Manufacturer": "Siemens",
    "ManufacturersModelName": "Prisma",
    "NumberOfVolumesDiscardedByScanner": 3,
    "ParallelReductionType": "GRAPPA",
    "PartialFourier": 0.75,
    "PhaseEncodingDirection": "j-",
    "PixelBandwidth": 1240,
    "PulseSequenceDetails": "%CustomerSeq%_ep2d_bold_sms_mgh_v22",
    "PulseSequenceType": "Gradient Echo EPI",
    "ReceiveCoilActiveElements": "HC1-7;NC1,2",
    "ReceiveCoilName": "HeadNeck_64",
    "RepetitionTime": 1.5,
    "ScanOptions": "PFP_FS",
    "ScanningSequence": "EP",
    "SequenceName": "epfSM2d1_96",
    "SequenceVariant": "SK",
    "SliceTiming": [
      0.6925,
      0,
      0.79,
      0.1,
      0.8875,
      0.1975,
      0.9875,
      0.2975,
      1.085,
      0.395,
      1.185,
      0.495,
      1.2825,
      0.5925,
      1.3825,
      0.6925,
      0,
      0.79,
      0.1,
      0.8875,
      0.1975,
      0.9875,
      0.2975,
      1.085,
      0.395,
      1.185,
      0.495,
      1.2825,
      0.5925,
      1.3825,
      0.6925,
      0,
      0.79,
      0.1,
      0.8875,
      0.1975,
      0.9875,
      0.2975,
      1.085,
      0.395,
      1.185,
      0.495,
      1.2825,
      0.5925,
      1.3825,
      0.6925,
      0,
      0.79,
      0.1,
      0.8875,
      0.1975,
      0.9875,
      0.2975,
      1.085,
      0.395,
      1.185,
      0.495,
      1.2825,
      0.5925,
      1.3825
    ],
    "SoftwareVersions": "syngo_MR_D13D",
    "StationName": "AWP66018",
    "TaskDescription": "Passively listened to audio story 'shapesphysical'",
    "TaskName": "shapesphysical",
    "TotalReadoutTime": 0.0883478,
    "dataset": "ds002345",
    "modality": "bold",
    "subject_id": "201",
    "task_id": "shapesphysical"
  },
  "dummy_trs": 1,
  "dvars_nstd": 26.96745227801946,
  "dvars_std": 1.056327613084415,
  "dvars_vstd": 1.0103126870454544,
  "efc": 0.5889260337512896,
  "fber": 354.1707458496094,
  "fd_mean": 0.08387199446891967,
  "fd_num": 0,
  "fd_perc": 0.0,
  "fwhm_avg": 2.882868333333333,
  "fwhm_x": 2.699395,
  "fwhm_y": 3.05618,
  "fwhm_z": 2.89303,
  "gcor": 0.0151,
  "gsr_x": 0.00022061352501623333,
  "gsr_y": 0.06941529363393784,
  "provenance": {
    "md5sum": "e355ceb95874e00a95878f66b32e8286",
    "settings": {
      "fd_thres": 0.2,
      "testing": false
    },
    "software": "mriqc",
    "version": "22.0.0rc1",
    "webapi_port": null,
    "webapi_url": "https://mriqc.nimh.nih.gov/api/v1"
  },
  "size_t": 309,
  "size_x": 96,
  "size_y": 96,
  "size_z": 60,
  "snr": 2.2885041652696394,
  "spacing_tr": 1.5,
  "spacing_x": 2.0,
  "spacing_y": 2.0,
  "spacing_z": 2.0,
  "summary_bg_k": 49.97523335078403,
  "summary_bg_mad": 7.744077552430439,
  "summary_bg_mean": 48.657833099365234,
  "summary_bg_median": 25.98058319091797,
  "summary_bg_n": 312917.0,
  "summary_bg_p05": 19.320388793945312,
  "summary_bg_p95": 160.87508850097663,
  "summary_bg_stdv": 65.25679016113281,
  "summary_fg_k": 3.2715276494233194,
  "summary_fg_mad": 195.81389168957642,
  "summary_fg_mean": 540.1807250976562,
  "summary_fg_median": 503.36572265625,
  "summary_fg_n": 151535.0,
  "summary_fg_p05": 267.2407958984375,
  "summary_fg_p95": 940.4557128906248,
  "summary_fg_stdv": 219.95330810546875,
  "tsnr": 49.13550249673426
}