{
  "aor": 0.0005885425101214575,
  "aqi": 0.004712564979757084,
  "bids_meta": {
    "CogAtlasID": "https://www.cognitiveatlas.org/task/id/trm_4c8991fadfe01",
    "DeviceSerialNumber": "66018",
    "DwellTime": 4.2e-06,
    "EchoTime": 0.039,
    "EffectiveEchoSpacing": 0.000929976,
    "FlipAngle": 50,
    "InstitutionAddress": "Washington Rd, Princeton, NJ 08540, USA",
    "InstitutionName": "Princeton University",
    "InstitutionalDepartmentName": "Princeton Neuroscience Institute",
    "MagneticFieldStrength": 3,
    "Manufacturer": "Siemens",
    "ManufacturersModelName": "Prisma",
    "NumberOfVolumesDiscardedByScanner": 3,
    "ParallelReductionType": "GRAPPA",
    "PartialFourier": 0.75,
    "PhaseEncodingDirection": "j-",
    "PixelBandwidth": 1240,
    "PulseSequenceDetails": "%CustomerSeq%_ep2d_bold_sms_mgh_v22",
    "PulseSequenceType": "Gradient Echo EPI",
    "ReceiveCoilActiveElements": "HC1-7;NC1,2",
    "ReceiveCoilName": "HeadNeck_64",
    "RepetitionTime": 1.5,
    "ScanOptions": "PFP_FS",
    "ScanningSequence": "EP",
    "SequenceName": "epfSM2d1_96",
    "SequenceVariant": "SK",
    "SliceTiming": [
      0.6925,
      0,
      0.79,
      0.1,
      0.8875,
      0.1975,
      0.9875,
      0.2975,
      1.085,
      0.395,
      1.185,
      0.495,
      1.2825,
      0.5925,
      1.3825,
      0.6925,
      0,
      0.79,
      0.1,
      0.8875,
      0.1975,
      0.9875,
      0.2975,
      1.085,
      0.395,
      1.185,
      0.495,
      1.2825,
      0.5925,
      1.3825,
      0.6925,
      0,
      0.79,
      0.1,
      0.8875,
      0.1975,
      0.9875,
      0.2975,
      1.085,
      0.395,
      1.185,
      0.495,
      1.2825,
      0.5925,
      1.3825,
      0.6925,
      0,
      0.79,
      0.1,
      0.8875,
      0.1975,
      0.9875,
      0.2975,
      1.085,
      0.395,
      1.185,
      0.495,
      1.2825,
      0.5925,
      1.3825
    ],
    "SoftwareVersions": "syngo_MR_D13D",
    "StationName": "AWP66018",
    "TaskDescription": "Passively listened to audio story 'schema'",
    "TaskName": "schema",
    "TotalReadoutTime": 0.0883478,
    "dataset": "ds002345",
    "modality": "bold",
    "run_id": 4,
    "subject_id": "201",
    "task_id": "schema"
  },
  "dummy_trs": 1,
  "dvars_nstd": 27.85825434162272,
  "dvars_std": 1.0840926630425964,
  "dvars_vstd": 0.9901846364705872,
  "efc": 0.5780287681359412,
  "fber": 366.56494140625,
  "fd_mean": 0.08032294637004617,
  "fd_num": 4,
  "fd_perc": 0.8097165991902834,
  "fwhm_avg": 2.98324,
  "fwhm_x": 2.834095,
  "fwhm_y": 3.138985,
  "fwhm_z": 2.97664,
  "gcor": 0.0118426,
  "gsr_x": -0.004318474791944027,
  "gsr_y": 0.06267204135656357,
  "provenance": {
    "md5sum": "9598cb67de524da509234441abfef95b",
    "settings": {
      "fd_thres": 0.2,
      "testing": false
    },
    "software": "mriqc",
    "version": "22.0.0rc1",
    "webapi_port": null,
    "webapi_url": "https://mriqc.nimh.nih.gov/api/v1"
  },
  "size_t": 494,
  "size_x": 96,
  "size_y": 96,
  "size_z": 60,
  "snr": 2.008202345522498,
  "spacing_tr": 1.5,
  "spacing_x": 2.0,
  "spacing_y": 2.0,
  "spacing_z": 2.0,
  "summary_bg_k": 28.051951526672223,
  "summary_bg_mad": 9.36680486464673,
  "summary_bg_mean": 56.780845642089844,
  "summary_bg_median": 27.99190330505371,
  "summary_bg_n": 316831.0,
  "summary_bg_p05": 20.53238868713379,
  "summary_bg_p95": 201.9159927368164,
  "summary_bg_stdv": 75.29461669921875,
  "summary_fg_k": 4.046815003779019,
  "summary_fg_mad": 231.38797452934003,
  "summary_fg_mean": 611.2238159179688,
  "summary_fg_median": 555.111328125,
  "summary_fg_n": 148918.0,
  "summary_fg_p05": 291.3013290405273,
  "summary_fg_p95": 1131.8882385253905,
  "summary_fg_stdv": 276.42108154296875,
  "tsnr": 46.645428269170225
}