{
  "aor": 0.0009058248472505093,
  "aqi": 0.0038841419959266803,
  "bids_meta": {
    "CogAtlasID": "https://www.cognitiveatlas.org/task/id/trm_4c8991fadfe01",
    "DeviceSerialNumber": "66018",
    "DwellTime": 4.2e-06,
    "EchoTime": 0.039,
    "EffectiveEchoSpacing": 0.000929976,
    "FlipAngle": 50,
    "InstitutionAddress": "Washington Rd, Princeton, NJ 08540, USA",
    "InstitutionName": "Princeton University",
    "InstitutionalDepartmentName": "Princeton Neuroscience Institute",
    "MagneticFieldStrength": 3,
    "Manufacturer": "Siemens",
    "ManufacturersModelName": "Prisma",
    "NumberOfVolumesDiscardedByScanner": 3,
    "ParallelReductionType": "GRAPPA",
    "PartialFourier": 0.75,
    "PhaseEncodingDirection": "j-",
    "PixelBandwidth": 1240,
    "PulseSequenceDetails": "%CustomerSeq%_ep2d_bold_sms_mgh_v22",
    "PulseSequenceType": "Gradient Echo EPI",
    "ReceiveCoilActiveElements": "HC1-7;NC1,2",
    "ReceiveCoilName": "HeadNeck_64",
    "RepetitionTime": 1.5,
    "ScanOptions": "PFP_FS",
    "ScanningSequence": "EP",
    "SequenceName": "epfSM2d1_96",
    "SequenceVariant": "SK",
    "SliceTiming": [
      0.6925,
      0,
      0.79,
      0.1,
      0.8875,
      0.1975,
      0.9875,
      0.2975,
      1.085,
      0.395,
      1.185,
      0.495,
      1.2825,
      0.5925,
      1.3825,
      0.6925,
      0,
      0.79,
      0.1,
      0.8875,
      0.1975,
      0.9875,
      0.2975,
      1.085,
      0.395,
      1.185,
      0.495,
      1.2825,
      0.5925,
      1.3825,
      0.6925,
      0,
      0.79,
      0.1,
      0.8875,
      0.1975,
      0.9875,
      0.2975,
      1.085,
      0.395,
      1.185,
      0.495,
      1.2825,
      0.5925,
      1.3825,
      0.6925,
      0,
      0.79,
      0.1,
      0.8875,
      0.1975,
      0.9875,
      0.2975,
      1.085,
      0.395,
      1.185,
      0.495,
      1.2825,
      0.5925,
      1.3825
    ],
    "SoftwareVersions": "syngo_MR_D13D",
    "StationName": "AWP66018",
    "TaskDescription": "Passively listened to audio story 'schema'",
    "TaskName": "schema",
    "TotalReadoutTime": 0.0883478,
    "dataset": "ds002345",
    "modality": "bold",
    "run_id": 2,
    "subject_id": "201",
    "task_id": "schema"
  },
  "dummy_trs": 2,
  "dvars_nstd": 26.02273886548979,
  "dvars_std": 1.0632620537755104,
  "dvars_vstd": 1.0045489156734686,
  "efc": 0.5772713797462978,
  "fber": 369.8040466308594,
  "fd_mean": 0.08205798624052864,
  "fd_num": 2,
  "fd_perc": 0.4073319755600815,
  "fwhm_avg": 2.9708583333333336,
  "fwhm_x": 2.80876,
  "fwhm_y": 3.1155,
  "fwhm_z": 2.988315,
  "gcor": 0.00998106,
  "gsr_x": -0.003954534884542227,
  "gsr_y": 0.06429541856050491,
  "provenance": {
    "md5sum": "f54a1e5bbaf8cf8253d8a7c3059ded43",
    "settings": {
      "fd_thres": 0.2,
      "testing": false
    },
    "software": "mriqc",
    "version": "22.0.0rc1",
    "webapi_port": null,
    "webapi_url": "https://mriqc.nimh.nih.gov/api/v1"
  },
  "size_t": 491,
  "size_x": 96,
  "size_y": 96,
  "size_z": 60,
  "snr": 2.01241576923789,
  "spacing_tr": 1.5,
  "spacing_x": 2.0,
  "spacing_y": 2.0,
  "spacing_z": 2.0,
  "summary_bg_k": 29.232339782360064,
  "summary_bg_mad": 9.547840309719877,
  "summary_bg_mean": 56.44752883911133,
  "summary_bg_median": 27.981672286987305,
  "summary_bg_n": 317459.0,
  "summary_bg_p05": 20.362525939941406,
  "summary_bg_p95": 202.1020416259765,
  "summary_bg_stdv": 74.50592803955078,
  "summary_fg_k": 4.003688963047505,
  "summary_fg_mad": 231.3493349329471,
  "summary_fg_mean": 612.3902587890625,
  "summary_fg_median": 555.7393188476562,
  "summary_fg_n": 148369.0,
  "summary_fg_p05": 292.08922119140624,
  "summary_fg_p95": 1131.573974609375,
  "summary_fg_stdv": 276.1543884277344,
  "tsnr": 48.32905946765095
}