{
  "aor": 0.0020581941747572817,
  "aqi": 0.0058073441747572814,
  "bids_meta": {
    "CogAtlasID": "https://www.cognitiveatlas.org/task/id/trm_4c8991fadfe01",
    "DeviceSerialNumber": "66018",
    "DwellTime": 4.2e-06,
    "EchoTime": 0.039,
    "EffectiveEchoSpacing": 0.000929976,
    "FlipAngle": 50,
    "InstitutionAddress": "Washington Rd, Princeton, NJ 08540, USA",
    "InstitutionName": "Princeton University",
    "InstitutionalDepartmentName": "Princeton Neuroscience Institute",
    "MagneticFieldStrength": 3,
    "Manufacturer": "Siemens",
    "ManufacturersModelName": "Prisma",
    "NumberOfVolumesDiscardedByScanner": 3,
    "ParallelReductionType": "GRAPPA",
    "PartialFourier": 0.75,
    "PhaseEncodingDirection": "j-",
    "PixelBandwidth": 1240,
    "PulseSequenceDetails": "%CustomerSeq%_ep2d_bold_sms_mgh_v22",
    "PulseSequenceType": "Gradient Echo EPI",
    "ReceiveCoilActiveElements": "HC1-7;NC1,2",
    "ReceiveCoilName": "HeadNeck_64",
    "RepetitionTime": 1.5,
    "ScanOptions": "PFP_FS",
    "ScanningSequence": "EP",
    "SequenceName": "epfSM2d1_96",
    "SequenceVariant": "SK",
    "SliceTiming": [
      0.6925,
      0,
      0.79,
      0.1,
      0.8875,
      0.1975,
      0.9875,
      0.2975,
      1.085,
      0.395,
      1.185,
      0.495,
      1.2825,
      0.5925,
      1.3825,
      0.6925,
      0,
      0.79,
      0.1,
      0.8875,
      0.1975,
      0.9875,
      0.2975,
      1.085,
      0.395,
      1.185,
      0.495,
      1.2825,
      0.5925,
      1.3825,
      0.6925,
      0,
      0.79,
      0.1,
      0.8875,
      0.1975,
      0.9875,
      0.2975,
      1.085,
      0.395,
      1.185,
      0.495,
      1.2825,
      0.5925,
      1.3825,
      0.6925,
      0,
      0.79,
      0.1,
      0.8875,
      0.1975,
      0.9875,
      0.2975,
      1.085,
      0.395,
      1.185,
      0.495,
      1.2825,
      0.5925,
      1.3825
    ],
    "SoftwareVersions": "syngo_MR_D13D",
    "StationName": "AWP66018",
    "TaskDescription": "Passively listened to audio story 'schema'",
    "TaskName": "schema",
    "TotalReadoutTime": 0.0883478,
    "dataset": "ds002345",
    "modality": "bold",
    "run_id": 1,
    "subject_id": "201",
    "task_id": "schema"
  },
  "dummy_trs": 1,
  "dvars_nstd": 29.536547820291823,
  "dvars_std": 1.1121177985603112,
  "dvars_vstd": 0.9982012897665364,
  "efc": 0.5767418732947657,
  "fber": 371.1364440917969,
  "fd_mean": 0.08148182025249007,
  "fd_num": 7,
  "fd_perc": 1.3592233009708738,
  "fwhm_avg": 3.00316,
  "fwhm_x": 2.839015,
  "fwhm_y": 3.14782,
  "fwhm_z": 3.022645,
  "gcor": 0.016295,
  "gsr_x": -0.00490726251155138,
  "gsr_y": 0.06572207063436508,
  "provenance": {
    "md5sum": "3c0938e393838edbe29ef1d44629f24e",
    "settings": {
      "fd_thres": 0.2,
      "testing": false
    },
    "software": "mriqc",
    "version": "22.0.0rc1",
    "webapi_port": null,
    "webapi_url": "https://mriqc.nimh.nih.gov/api/v1"
  },
  "size_t": 515,
  "size_x": 96,
  "size_y": 96,
  "size_z": 60,
  "snr": 2.0078333027791926,
  "spacing_tr": 1.5,
  "spacing_x": 2.0,
  "spacing_y": 2.0,
  "spacing_z": 2.0,
  "summary_bg_k": 29.487612596187013,
  "summary_bg_mad": 9.94351158660072,
  "summary_bg_mean": 56.881771087646484,
  "summary_bg_median": 28.15534019470215,
  "summary_bg_n": 317463.0,
  "summary_bg_p05": 20.184467315673828,
  "summary_bg_p95": 202.61126098632798,
  "summary_bg_stdv": 75.87183380126953,
  "summary_fg_k": 3.874942500462356,
  "summary_fg_mad": 233.79344776380202,
  "summary_fg_mean": 615.8505249023438,
  "summary_fg_median": 558.8582763671875,
  "summary_fg_n": 148335.0,
  "summary_fg_p05": 293.2539825439453,
  "summary_fg_p95": 1140.5571411132812,
  "summary_fg_stdv": 278.3380432128906,
  "tsnr": 43.117294451221824
}