{
  "aor": 0.0032019075144508673,
  "aqi": 0.01779594457536683,
  "bids_meta": {
    "CogAtlasID": "https://www.cognitiveatlas.org/task/id/trm_4c8991fadfe01",
    "DeviceSerialNumber": "45031",
    "DwellTime": 4.9e-06,
    "EchoTime": 0.028,
    "EffectiveEchoSpacing": 0.000355001,
    "FlipAngle": 64,
    "InstitutionAddress": "Washington Rd, Princeton, NJ 08540, USA",
    "InstitutionName": "Princeton University",
    "InstitutionalDepartmentName": "Princeton Neuroscience Institute",
    "MagneticFieldStrength": 3,
    "Manufacturer": "Siemens",
    "ManufacturersModelName": "Skyra",
    "NumberOfVolumesDiscardedByScanner": 3,
    "ParallelReductionFactorInPlane": 2,
    "ParallelReductionType": "GRAPPA",
    "PartialFourier": 1,
    "PhaseEncodingDirection": "j-",
    "PixelBandwidth": 1595,
    "PulseSequenceDetails": "%SiemensSeq%_ep2d_bold",
    "PulseSequenceType": "Gradient Echo EPI",
    "ReceiveCoilActiveElements": "HE1-4",
    "ReceiveCoilName": "HeadNeck_20",
    "RepetitionTime": 1.5,
    "ScanOptions": "FS",
    "ScanningSequence": "EP",
    "SequenceName": "_epfid2d1_64",
    "SequenceVariant": "SK",
    "SliceTiming": [
      0,
      0.7675,
      0.055,
      0.8225,
      0.11,
      0.8775,
      0.165,
      0.9325,
      0.22,
      0.9875,
      0.275,
      1.0425,
      0.33,
      1.0975,
      0.385,
      1.1525,
      0.44,
      1.2075,
      0.495,
      1.2625,
      0.55,
      1.315,
      0.6025,
      1.37,
      0.6575,
      1.425,
      0.7125
    ],
    "SoftwareVersions": "syngo_MR_E11",
    "StationName": "AWP45031",
    "TaskDescription": "Passively listened to audio story '21styear'",
    "TaskName": "21styear",
    "TotalReadoutTime": 0.022365,
    "dataset": "ds002345",
    "modality": "bold",
    "subject_id": "260",
    "task_id": "21styear"
  },
  "dummy_trs": 0,
  "dvars_nstd": 19.336343475075644,
  "dvars_std": 1.1155130644083635,
  "dvars_vstd": 0.9907375992793572,
  "efc": 0.6402063665971027,
  "fber": 1431.58935546875,
  "fd_mean": 0.0744100050522836,
  "fd_num": 55,
  "fd_perc": 2.4455313472654514,
  "fwhm_avg": 1.7441991666666665,
  "fwhm_x": 1.7070266666666667,
  "fwhm_y": 1.9514333333333334,
  "fwhm_z": 1.5741375,
  "gcor": 0.0132019,
  "gsr_x": -0.003346935845911503,
  "gsr_y": 0.05062601715326309,
  "provenance": {
    "md5sum": "144d45e134c6b59b657aa2fd5107a50b",
    "settings": {
      "fd_thres": 0.2,
      "testing": false
    },
    "software": "mriqc",
    "version": "22.0.0rc1",
    "webapi_port": null,
    "webapi_url": "https://mriqc.nimh.nih.gov/api/v1"
  },
  "size_t": 2249,
  "size_x": 64,
  "size_y": 64,
  "size_z": 27,
  "snr": 6.863292071731766,
  "spacing_tr": 1.5,
  "spacing_x": 3.0,
  "spacing_y": 3.0,
  "spacing_z": 4.0,
  "summary_bg_k": 20.47595557569388,
  "summary_bg_mad": 16.653401642380267,
  "summary_bg_mean": 62.62216567993164,
  "summary_bg_median": 20.658960342407227,
  "summary_bg_n": 49155.0,
  "summary_bg_p05": 7.512449932098389,
  "summary_bg_p95": 272.82935485839795,
  "summary_bg_stdv": 105.57182312011719,
  "summary_fg_k": 1.751733088359785,
  "summary_fg_mad": 116.90305824196543,
  "summary_fg_mean": 846.4594116210938,
  "summary_fg_median": 835.8023681640625,
  "summary_fg_n": 32080.0,
  "summary_fg_p05": 676.9959381103515,
  "summary_fg_p95": 1050.6303771972655,
  "summary_fg_stdv": 121.77674102783203,
  "tsnr": 50.512440459337085
}