{
  "aor": 0.0006200970873786408,
  "aqi": 0.006527919902912621,
  "bids_meta": {
    "CogAtlasID": "https://www.cognitiveatlas.org/task/id/trm_4c8991fadfe01",
    "DeviceSerialNumber": "66018",
    "DwellTime": 4.2e-06,
    "EchoTime": 0.039,
    "EffectiveEchoSpacing": 0.000929976,
    "FlipAngle": 50,
    "InstitutionAddress": "Washington Rd, Princeton, NJ 08540, USA",
    "InstitutionName": "Princeton University",
    "InstitutionalDepartmentName": "Princeton Neuroscience Institute",
    "MagneticFieldStrength": 3,
    "Manufacturer": "Siemens",
    "ManufacturersModelName": "Prisma",
    "NumberOfVolumesDiscardedByScanner": 3,
    "ParallelReductionType": "GRAPPA",
    "PartialFourier": 0.75,
    "PhaseEncodingDirection": "j-",
    "PixelBandwidth": 1240,
    "PulseSequenceDetails": "%CustomerSeq%_ep2d_bold_sms_mgh_v22",
    "PulseSequenceType": "Gradient Echo EPI",
    "ReceiveCoilActiveElements": "HC1-7;NC1,2",
    "ReceiveCoilName": "HeadNeck_64",
    "RepetitionTime": 1.5,
    "ScanOptions": "PFP_FS",
    "ScanningSequence": "EP",
    "SequenceName": "epfSM2d1_96",
    "SequenceVariant": "SK",
    "SliceTiming": [
      0.6925,
      0,
      0.79,
      0.1,
      0.8875,
      0.1975,
      0.9875,
      0.2975,
      1.085,
      0.395,
      1.185,
      0.495,
      1.2825,
      0.5925,
      1.3825,
      0.6925,
      0,
      0.79,
      0.1,
      0.8875,
      0.1975,
      0.9875,
      0.2975,
      1.085,
      0.395,
      1.185,
      0.495,
      1.2825,
      0.5925,
      1.3825,
      0.6925,
      0,
      0.79,
      0.1,
      0.8875,
      0.1975,
      0.9875,
      0.2975,
      1.085,
      0.395,
      1.185,
      0.495,
      1.2825,
      0.5925,
      1.3825,
      0.6925,
      0,
      0.79,
      0.1,
      0.8875,
      0.1975,
      0.9875,
      0.2975,
      1.085,
      0.395,
      1.185,
      0.495,
      1.2825,
      0.5925,
      1.3825
    ],
    "SoftwareVersions": "syngo_MR_D13D",
    "StationName": "AWP66018",
    "TaskDescription": "Passively listened to audio story 'shapessocial'",
    "TaskName": "shapessocial",
    "TotalReadoutTime": 0.0883478,
    "dataset": "ds002345",
    "modality": "bold",
    "subject_id": "235",
    "task_id": "shapessocial"
  },
  "dummy_trs": 2,
  "dvars_nstd": 35.170394414220816,
  "dvars_std": 1.0500964075974026,
  "dvars_vstd": 0.9815238285389607,
  "efc": 0.6024463997407615,
  "fber": 255.96067810058594,
  "fd_mean": 0.09970302864366248,
  "fd_num": 2,
  "fd_perc": 0.6472491909385113,
  "fwhm_avg": 2.6612117204626435,
  "fwhm_x": 2.327465,
  "fwhm_y": 2.94853,
  "fwhm_z": 2.70764016138793,
  "gcor": 0.00511663,
  "gsr_x": -0.013297484256327152,
  "gsr_y": 0.05842895805835724,
  "provenance": {
    "md5sum": "dfa8a0b2d60b6a6936d6d057908244be",
    "settings": {
      "fd_thres": 0.2,
      "testing": false
    },
    "software": "mriqc",
    "version": "22.0.0rc1",
    "webapi_port": null,
    "webapi_url": "https://mriqc.nimh.nih.gov/api/v1"
  },
  "size_t": 309,
  "size_x": 96,
  "size_y": 96,
  "size_z": 60,
  "snr": 2.5669407281377126,
  "spacing_tr": 1.5,
  "spacing_x": 2.0,
  "spacing_y": 2.0,
  "spacing_z": 1.9999998807907104,
  "summary_bg_k": 136.77128677460834,
  "summary_bg_mad": 8.458989265200593,
  "summary_bg_mean": 43.76057815551758,
  "summary_bg_median": 25.990291595458984,
  "summary_bg_n": 313463.0,
  "summary_bg_p05": 19.055017471313477,
  "summary_bg_p95": 110.00291824340809,
  "summary_bg_stdv": 70.21627044677734,
  "summary_fg_k": 2.1007169465412705,
  "summary_fg_mad": 148.08989543297093,
  "summary_fg_mean": 452.5483703613281,
  "summary_fg_median": 429.3802795410156,
  "summary_fg_n": 149678.0,
  "summary_fg_p05": 231.05130310058593,
  "summary_fg_p95": 752.1265533447263,
  "summary_fg_stdv": 167.27259826660156,
  "tsnr": 39.72700173035264
}