{
  "aor": 0.0003689679715302491,
  "aqi": 0.01640881509341637,
  "bids_meta": {
    "CogAtlasID": "https://www.cognitiveatlas.org/task/id/trm_4c8991fadfe01",
    "DeviceSerialNumber": "45031",
    "DwellTime": 4.9e-06,
    "EchoTime": 0.028,
    "EffectiveEchoSpacing": 0.000355001,
    "FlipAngle": 64,
    "InstitutionAddress": "Washington Rd, Princeton, NJ 08540, USA",
    "InstitutionName": "Princeton University",
    "InstitutionalDepartmentName": "Princeton Neuroscience Institute",
    "MagneticFieldStrength": 3,
    "Manufacturer": "Siemens",
    "ManufacturersModelName": "Skyra",
    "NumberOfVolumesDiscardedByScanner": 3,
    "ParallelReductionFactorInPlane": 2,
    "ParallelReductionType": "GRAPPA",
    "PartialFourier": 1,
    "PhaseEncodingDirection": "j-",
    "PixelBandwidth": 1595,
    "PulseSequenceDetails": "%SiemensSeq%_ep2d_bold",
    "PulseSequenceType": "Gradient Echo EPI",
    "ReceiveCoilActiveElements": "HE1-4",
    "ReceiveCoilName": "HeadNeck_20",
    "RepetitionTime": 1.5,
    "ScanOptions": "FS",
    "ScanningSequence": "EP",
    "SequenceName": "_epfid2d1_64",
    "SequenceVariant": "SK",
    "SliceTiming": [
      0,
      0.7675,
      0.055,
      0.8225,
      0.11,
      0.8775,
      0.165,
      0.9325,
      0.22,
      0.9875,
      0.275,
      1.0425,
      0.33,
      1.0975,
      0.385,
      1.1525,
      0.44,
      1.2075,
      0.495,
      1.2625,
      0.55,
      1.315,
      0.6025,
      1.37,
      0.6575,
      1.425,
      0.7125
    ],
    "SoftwareVersions": "syngo_MR_E11",
    "StationName": "AWP45031",
    "TaskDescription": "Passively listened to audio story '21styear'",
    "TaskName": "21styear",
    "TotalReadoutTime": 0.022365,
    "dataset": "ds002345",
    "modality": "bold",
    "subject_id": "235",
    "task_id": "21styear"
  },
  "dummy_trs": 1,
  "dvars_nstd": 23.671297562238536,
  "dvars_std": 1.1823040705562964,
  "dvars_vstd": 0.9639030210102345,
  "efc": 0.5918117270016193,
  "fber": 1278.8074951171875,
  "fd_mean": 0.11563269498610633,
  "fd_num": 75,
  "fd_perc": 3.3362989323843415,
  "fwhm_avg": 1.7434069444444444,
  "fwhm_x": 1.70423,
  "fwhm_y": 1.9748233333333334,
  "fwhm_z": 1.5511675,
  "gcor": 0.0161757,
  "gsr_x": -0.0057540214620530605,
  "gsr_y": 0.05915018916130066,
  "provenance": {
    "md5sum": "543318ca0ee3fd096d3e23193ecdb234",
    "settings": {
      "fd_thres": 0.2,
      "testing": false
    },
    "software": "mriqc",
    "version": "22.0.0rc1",
    "webapi_port": null,
    "webapi_url": "https://mriqc.nimh.nih.gov/api/v1"
  },
  "size_t": 2248,
  "size_x": 64,
  "size_y": 64,
  "size_z": 27,
  "snr": 7.0432046816345855,
  "spacing_tr": 1.5,
  "spacing_x": 3.0,
  "spacing_y": 3.0,
  "spacing_z": 4.0,
  "summary_bg_k": 13.450461295544997,
  "summary_bg_mad": 14.231794524189478,
  "summary_bg_mean": 47.0905876159668,
  "summary_bg_median": 17.294261932373047,
  "summary_bg_n": 56842.0,
  "summary_bg_p05": 6.309630703926087,
  "summary_bg_p95": 228.05631790161124,
  "summary_bg_stdv": 76.90984344482422,
  "summary_fg_k": 3.359406362769489,
  "summary_fg_mad": 81.72677321424715,
  "summary_fg_mean": 652.123779296875,
  "summary_fg_median": 642.1092529296875,
  "summary_fg_n": 25944.0,
  "summary_fg_p05": 536.4816162109375,
  "summary_fg_p95": 805.4781768798828,
  "summary_fg_stdv": 91.16544342041016,
  "tsnr": 51.471391677623615
}