{
  "aor": 0.0006354313099041534,
  "aqi": 0.007548606485623004,
  "bids_meta": {
    "CogAtlasID": "https://www.cognitiveatlas.org/task/id/trm_4c8991fadfe01",
    "DeviceSerialNumber": "66018",
    "DwellTime": 4.2e-06,
    "EchoTime": 0.039,
    "EffectiveEchoSpacing": 0.000929976,
    "FlipAngle": 50,
    "InstitutionAddress": "Washington Rd, Princeton, NJ 08540, USA",
    "InstitutionName": "Princeton University",
    "InstitutionalDepartmentName": "Princeton Neuroscience Institute",
    "MagneticFieldStrength": 3,
    "Manufacturer": "Siemens",
    "ManufacturersModelName": "Prisma",
    "NumberOfVolumesDiscardedByScanner": 3,
    "ParallelReductionType": "GRAPPA",
    "PartialFourier": 0.75,
    "PhaseEncodingDirection": "j-",
    "PixelBandwidth": 1240,
    "PulseSequenceDetails": "%CustomerSeq%_ep2d_bold_sms_mgh_v22",
    "PulseSequenceType": "Gradient Echo EPI",
    "ReceiveCoilActiveElements": "HC1-7;NC1,2",
    "ReceiveCoilName": "HeadNeck_64",
    "RepetitionTime": 1.5,
    "ScanOptions": "PFP_FS",
    "ScanningSequence": "EP",
    "SequenceName": "epfSM2d1_96",
    "SequenceVariant": "SK",
    "SliceTiming": [
      0.6925,
      0,
      0.79,
      0.1,
      0.8875,
      0.1975,
      0.9875,
      0.2975,
      1.085,
      0.395,
      1.185,
      0.495,
      1.2825,
      0.5925,
      1.3825,
      0.6925,
      0,
      0.79,
      0.1,
      0.8875,
      0.1975,
      0.9875,
      0.2975,
      1.085,
      0.395,
      1.185,
      0.495,
      1.2825,
      0.5925,
      1.3825,
      0.6925,
      0,
      0.79,
      0.1,
      0.8875,
      0.1975,
      0.9875,
      0.2975,
      1.085,
      0.395,
      1.185,
      0.495,
      1.2825,
      0.5925,
      1.3825,
      0.6925,
      0,
      0.79,
      0.1,
      0.8875,
      0.1975,
      0.9875,
      0.2975,
      1.085,
      0.395,
      1.185,
      0.495,
      1.2825,
      0.5925,
      1.3825
    ],
    "SoftwareVersions": "syngo_MR_D13D",
    "StationName": "AWP66018",
    "TaskDescription": "Passively listened to audio story 'shapesphysical'",
    "TaskName": "shapesphysical",
    "TotalReadoutTime": 0.0883478,
    "dataset": "ds002345",
    "modality": "bold",
    "subject_id": "235",
    "task_id": "shapesphysical"
  },
  "dummy_trs": 1,
  "dvars_nstd": 35.30829674153847,
  "dvars_std": 1.0763733436858984,
  "dvars_vstd": 0.9968928081089741,
  "efc": 0.6056304899285359,
  "fber": 246.83724975585938,
  "fd_mean": 0.08891078165398614,
  "fd_num": 2,
  "fd_perc": 0.6389776357827476,
  "fwhm_avg": 2.6400117200852464,
  "fwhm_x": 2.29338,
  "fwhm_y": 2.93801,
  "fwhm_z": 2.68864516025574,
  "gcor": 0.00488439,
  "gsr_x": -0.013079910539090633,
  "gsr_y": 0.057878561317920685,
  "provenance": {
    "md5sum": "4b5ed69c03f3317f1dce0d8bfa009cc9",
    "settings": {
      "fd_thres": 0.2,
      "testing": false
    },
    "software": "mriqc",
    "version": "22.0.0rc1",
    "webapi_port": null,
    "webapi_url": "https://mriqc.nimh.nih.gov/api/v1"
  },
  "size_t": 313,
  "size_x": 96,
  "size_y": 96,
  "size_z": 60,
  "snr": 2.5643141584844398,
  "spacing_tr": 1.5,
  "spacing_x": 2.0,
  "spacing_y": 2.0,
  "spacing_z": 1.9999998807907104,
  "summary_bg_k": 115.09686673671658,
  "summary_bg_mad": 8.170891823681556,
  "summary_bg_mean": 44.493797302246094,
  "summary_bg_median": 26.15015983581543,
  "summary_bg_n": 313330.0,
  "summary_bg_p05": 19.555910110473633,
  "summary_bg_p95": 113.87715492248532,
  "summary_bg_stdv": 68.56987762451172,
  "summary_fg_k": 2.0530439242924405,
  "summary_fg_mad": 147.2275854237733,
  "summary_fg_mean": 447.09136962890625,
  "summary_fg_median": 425.0447082519531,
  "summary_fg_n": 149713.0,
  "summary_fg_p05": 225.34121398925782,
  "summary_fg_p95": 744.2664306640625,
  "summary_fg_stdv": 165.75320434570312,
  "tsnr": 39.99549852660857
}