{
  "aor": 0.0011260333333333334,
  "aqi": 0.006386442733333333,
  "bids_meta": {
    "CogAtlasID": "https://www.cognitiveatlas.org/task/id/trm_4c8991fadfe01",
    "DeviceSerialNumber": "45031",
    "DwellTime": 5.4e-06,
    "EchoTime": 0.028,
    "EffectiveEchoSpacing": 0.000390001,
    "FlipAngle": 64,
    "InstitutionAddress": "Washington Rd, Princeton, NJ 08540, USA",
    "InstitutionName": "Princeton University",
    "InstitutionalDepartmentName": "Princeton Neuroscience Institute",
    "MagneticFieldStrength": 3,
    "Manufacturer": "Siemens",
    "ManufacturersModelName": "Skyra",
    "NumberOfVolumesDiscardedByScanner": 3,
    "ParallelReductionFactorInPlane": 2,
    "ParallelReductionType": "GRAPPA",
    "PartialFourier": 1,
    "PhaseEncodingDirection": "j-",
    "PixelBandwidth": 1445,
    "PulseSequenceDetails": "%SiemensSeq%_ep2d_bold",
    "PulseSequenceType": "Gradient Echo EPI",
    "ReceiveCoilActiveElements": "HE1-4",
    "ReceiveCoilName": "HeadNeck_20",
    "RepetitionTime": 1.5,
    "ScanOptions": "FS",
    "ScanningSequence": "EP",
    "SequenceName": "_epfid2d1_64",
    "SequenceVariant": "SK",
    "SliceTiming": [
      0,
      0.7775,
      0.055,
      0.8325,
      0.11,
      0.89,
      0.1675,
      0.945,
      0.2225,
      1,
      0.2775,
      1.055,
      0.3325,
      1.11,
      0.39,
      1.1675,
      0.445,
      1.2225,
      0.5,
      1.2775,
      0.555,
      1.3325,
      0.61,
      1.3875,
      0.6675,
      1.445,
      0.7225
    ],
    "SoftwareVersions": "syngo_MR_D11",
    "StationName": "AWP45031",
    "TaskDescription": "Passively listened to audio story 'pieman'",
    "TaskName": "pieman",
    "TotalReadoutTime": 0.0245701,
    "dataset": "ds002345",
    "modality": "bold",
    "subject_id": "046",
    "task_id": "pieman"
  },
  "dummy_trs": 0,
  "dvars_nstd": 20.8178796865552,
  "dvars_std": 1.174687397625418,
  "dvars_vstd": 1.0077942967558537,
  "efc": 0.6174742139639701,
  "fber": 2229.02392578125,
  "fd_mean": 0.09294009748220795,
  "fd_num": 7,
  "fd_perc": 2.3333333333333335,
  "fwhm_avg": 1.7580732813451068,
  "fwhm_x": 1.7186700000000001,
  "fwhm_y": 1.96248984403532,
  "fwhm_z": 1.59306,
  "gcor": 0.060644,
  "gsr_x": -0.014103773050010204,
  "gsr_y": 0.04432031139731407,
  "provenance": {
    "md5sum": "a898c669c684870d5d1ce0630bd871b1",
    "settings": {
      "fd_thres": 0.2,
      "testing": false
    },
    "software": "mriqc",
    "version": "21.0.0rc2",
    "webapi_port": null,
    "webapi_url": "https://mriqc.nimh.nih.gov/api/v1"
  },
  "size_t": 300,
  "size_x": 64,
  "size_y": 64,
  "size_z": 27,
  "snr": 7.25051254225343,
  "spacing_tr": 1.5,
  "spacing_x": 3.0,
  "spacing_y": 3.000000238418579,
  "spacing_z": 4.0,
  "summary_bg_k": 33.188830347375095,
  "summary_bg_mad": 7.637872391296835,
  "summary_bg_mean": 30.83989143371582,
  "summary_bg_median": 13.670000076293945,
  "summary_bg_n": 49620.0,
  "summary_bg_p05": 6.963333606719971,
  "summary_bg_p95": 111.86083335876428,
  "summary_bg_stdv": 49.31848907470703,
  "summary_fg_k": 2.486839782324716,
  "summary_fg_mad": 87.26603535429186,
  "summary_fg_mean": 692.5051879882812,
  "summary_fg_median": 686.7066650390625,
  "summary_fg_n": 31485.0,
  "summary_fg_p05": 559.5746948242188,
  "summary_fg_p95": 848.87802734375,
  "summary_fg_stdv": 94.7099609375,
  "tsnr": 74.89775247115176
}