{
  "aor": 0.0011262666666666664,
  "aqi": 0.009609788966666668,
  "bids_meta": {
    "CogAtlasID": "https://www.cognitiveatlas.org/task/id/trm_4c8991fadfe01",
    "DeviceSerialNumber": "45031",
    "DwellTime": 5.4e-06,
    "EchoTime": 0.028,
    "EffectiveEchoSpacing": 0.000390001,
    "FlipAngle": 64,
    "InstitutionAddress": "Washington Rd, Princeton, NJ 08540, USA",
    "InstitutionName": "Princeton University",
    "InstitutionalDepartmentName": "Princeton Neuroscience Institute",
    "MagneticFieldStrength": 3,
    "Manufacturer": "Siemens",
    "ManufacturersModelName": "Skyra",
    "NumberOfVolumesDiscardedByScanner": 3,
    "ParallelReductionFactorInPlane": 2,
    "ParallelReductionType": "GRAPPA",
    "PartialFourier": 1,
    "PhaseEncodingDirection": "j-",
    "PixelBandwidth": 1445,
    "PulseSequenceDetails": "%SiemensSeq%_ep2d_bold",
    "PulseSequenceType": "Gradient Echo EPI",
    "ReceiveCoilActiveElements": "HE1-4",
    "ReceiveCoilName": "HeadNeck_20",
    "RepetitionTime": 1.5,
    "ScanOptions": "FS",
    "ScanningSequence": "EP",
    "SequenceName": "_epfid2d1_64",
    "SequenceVariant": "SK",
    "SliceTiming": [
      0,
      0.7775,
      0.055,
      0.8325,
      0.11,
      0.89,
      0.1675,
      0.945,
      0.2225,
      1,
      0.2775,
      1.055,
      0.3325,
      1.11,
      0.39,
      1.1675,
      0.445,
      1.2225,
      0.5,
      1.2775,
      0.555,
      1.3325,
      0.61,
      1.3875,
      0.6675,
      1.445,
      0.7225
    ],
    "SoftwareVersions": "syngo_MR_D11",
    "StationName": "AWP45031",
    "TaskDescription": "Passively listened to audio story 'pieman'",
    "TaskName": "pieman",
    "TotalReadoutTime": 0.0245701,
    "dataset": "ds002345",
    "modality": "bold",
    "subject_id": "032",
    "task_id": "pieman"
  },
  "dummy_trs": 0,
  "dvars_nstd": 20.27822876919733,
  "dvars_std": 1.17215924083612,
  "dvars_vstd": 0.9848204320401339,
  "efc": 0.6095897586641082,
  "fber": 1772.7401123046875,
  "fd_mean": 0.10679013737946212,
  "fd_num": 24,
  "fd_perc": 8.0,
  "fwhm_avg": 1.731121111111111,
  "fwhm_x": 1.7431999999999999,
  "fwhm_y": 1.8959033333333333,
  "fwhm_z": 1.55426,
  "gcor": 0.0464434,
  "gsr_x": -0.00789556559175253,
  "gsr_y": 0.033127252012491226,
  "provenance": {
    "md5sum": "83fa1917db0f8b58038783fb697dd4b7",
    "settings": {
      "fd_thres": 0.2,
      "testing": false
    },
    "software": "mriqc",
    "version": "21.0.0rc2",
    "webapi_port": null,
    "webapi_url": "https://mriqc.nimh.nih.gov/api/v1"
  },
  "size_t": 300,
  "size_x": 64,
  "size_y": 64,
  "size_z": 27,
  "snr": 7.583350121426317,
  "spacing_tr": 1.5,
  "spacing_x": 3.0,
  "spacing_y": 3.0,
  "spacing_z": 4.0,
  "summary_bg_k": 12.324599022990746,
  "summary_bg_mad": 11.361674416727805,
  "summary_bg_mean": 41.738365173339844,
  "summary_bg_median": 15.946666717529297,
  "summary_bg_n": 52861.0,
  "summary_bg_p05": 6.610000133514404,
  "summary_bg_p95": 173.20333862304688,
  "summary_bg_stdv": 63.69375991821289,
  "summary_fg_k": 1.870749115716512,
  "summary_fg_mad": 90.8958498983474,
  "summary_fg_mean": 734.76953125,
  "summary_fg_median": 727.5850219726562,
  "summary_fg_n": 28766.0,
  "summary_fg_p05": 599.7716827392578,
  "summary_fg_p95": 896.3491668701172,
  "summary_fg_stdv": 95.94339752197266,
  "tsnr": 66.13113573985174
}