{
  "aor": 0.004989305263157895,
  "aqi": 0.02360192216842105,
  "bids_meta": {
    "CogAtlasID": "https://www.cognitiveatlas.org/task/id/trm_4c8991fadfe01",
    "DeviceSerialNumber": "45031",
    "DwellTime": 5.4e-06,
    "EchoTime": 0.028,
    "EffectiveEchoSpacing": 0.000390001,
    "FlipAngle": 64,
    "InstitutionAddress": "Washington Rd, Princeton, NJ 08540, USA",
    "InstitutionName": "Princeton University",
    "InstitutionalDepartmentName": "Princeton Neuroscience Institute",
    "MagneticFieldStrength": 3,
    "Manufacturer": "Siemens",
    "ManufacturersModelName": "Skyra",
    "NumberOfVolumesDiscardedByScanner": 3,
    "ParallelReductionFactorInPlane": 2,
    "ParallelReductionType": "GRAPPA",
    "PartialFourier": 1,
    "PhaseEncodingDirection": "j-",
    "PixelBandwidth": 1445,
    "PulseSequenceDetails": "%SiemensSeq%_ep2d_bold",
    "PulseSequenceType": "Gradient Echo EPI",
    "ReceiveCoilActiveElements": "HE1-4",
    "ReceiveCoilName": "HeadNeck_20",
    "RepetitionTime": 1.5,
    "ScanOptions": "FS",
    "ScanningSequence": "EP",
    "SequenceName": "_epfid2d1_64",
    "SequenceVariant": "SK",
    "SliceTiming": [
      0,
      0.7775,
      0.055,
      0.8325,
      0.11,
      0.8875,
      0.165,
      0.9425,
      0.22,
      0.9975,
      0.2775,
      1.055,
      0.3325,
      1.11,
      0.3875,
      1.165,
      0.4425,
      1.22,
      0.5,
      1.2775,
      0.555,
      1.3325,
      0.61,
      1.3875,
      0.665,
      1.4425,
      0.72
    ],
    "SoftwareVersions": "syngo_MR_D11",
    "StationName": "AWP45031",
    "TaskDescription": "Passively listened to audio story 'prettymouth'",
    "TaskName": "prettymouth",
    "TotalReadoutTime": 0.0245701,
    "dataset": "ds002345",
    "modality": "bold",
    "subject_id": "032",
    "task_id": "prettymouth"
  },
  "dummy_trs": 0,
  "dvars_nstd": 20.676522166476776,
  "dvars_std": 1.1142659208860757,
  "dvars_vstd": 1.0185733659704643,
  "efc": 0.6039179093309237,
  "fber": 1454.936279296875,
  "fd_mean": 0.16383303606594724,
  "fd_num": 117,
  "fd_perc": 24.63157894736842,
  "fwhm_avg": 1.6996105555555554,
  "fwhm_x": 1.6864433333333333,
  "fwhm_y": 1.9160233333333334,
  "fwhm_z": 1.496365,
  "gcor": 0.0327847,
  "gsr_x": -0.006147380452603102,
  "gsr_y": 0.050398483872413635,
  "provenance": {
    "md5sum": "c23a99add1c5a3fc95b52aa09422f507",
    "settings": {
      "fd_thres": 0.2,
      "testing": false
    },
    "software": "mriqc",
    "version": "21.0.0rc2",
    "webapi_port": null,
    "webapi_url": "https://mriqc.nimh.nih.gov/api/v1"
  },
  "size_t": 475,
  "size_x": 64,
  "size_y": 64,
  "size_z": 27,
  "snr": 7.716271620501645,
  "spacing_tr": 1.5,
  "spacing_x": 3.0,
  "spacing_y": 3.0,
  "spacing_z": 4.0,
  "summary_bg_k": 17.302846058585974,
  "summary_bg_mad": 14.506091756373978,
  "summary_bg_mean": 49.148685455322266,
  "summary_bg_median": 18.881052017211914,
  "summary_bg_n": 54494.0,
  "summary_bg_p05": 7.381052494049072,
  "summary_bg_p95": 191.4706199645995,
  "summary_bg_stdv": 75.49476623535156,
  "summary_fg_k": 2.7539082606288057,
  "summary_fg_mad": 88.45056068633765,
  "summary_fg_mean": 763.363525390625,
  "summary_fg_median": 756.7220458984375,
  "summary_fg_n": 27571.0,
  "summary_fg_p05": 627.3220520019531,
  "summary_fg_p95": 925.9504699707031,
  "summary_fg_stdv": 98.06657409667969,
  "tsnr": 46.16643392248079
}