{
  "aor": 0.0010741333333333335,
  "aqi": 0.005467147733333334,
  "bids_meta": {
    "CogAtlasID": "https://www.cognitiveatlas.org/task/id/trm_4c8991fadfe01",
    "DeviceSerialNumber": "45031",
    "DwellTime": 5.4e-06,
    "EchoTime": 0.028,
    "EffectiveEchoSpacing": 0.000390001,
    "FlipAngle": 64,
    "InstitutionAddress": "Washington Rd, Princeton, NJ 08540, USA",
    "InstitutionName": "Princeton University",
    "InstitutionalDepartmentName": "Princeton Neuroscience Institute",
    "MagneticFieldStrength": 3,
    "Manufacturer": "Siemens",
    "ManufacturersModelName": "Skyra",
    "NumberOfVolumesDiscardedByScanner": 3,
    "ParallelReductionFactorInPlane": 2,
    "ParallelReductionType": "GRAPPA",
    "PartialFourier": 1,
    "PhaseEncodingDirection": "j-",
    "PixelBandwidth": 1445,
    "PulseSequenceDetails": "%SiemensSeq%_ep2d_bold",
    "PulseSequenceType": "Gradient Echo EPI",
    "ReceiveCoilActiveElements": "HE1-4",
    "ReceiveCoilName": "HeadNeck_20",
    "RepetitionTime": 1.5,
    "ScanOptions": "FS",
    "ScanningSequence": "EP",
    "SequenceName": "_epfid2d1_64",
    "SequenceVariant": "SK",
    "SliceTiming": [
      0,
      0.7775,
      0.055,
      0.8325,
      0.11,
      0.89,
      0.1675,
      0.945,
      0.2225,
      1,
      0.2775,
      1.055,
      0.3325,
      1.11,
      0.39,
      1.1675,
      0.445,
      1.2225,
      0.5,
      1.2775,
      0.555,
      1.3325,
      0.61,
      1.3875,
      0.6675,
      1.445,
      0.7225
    ],
    "SoftwareVersions": "syngo_MR_D11",
    "StationName": "AWP45031",
    "TaskDescription": "Passively listened to audio story 'pieman'",
    "TaskName": "pieman",
    "TotalReadoutTime": 0.0245701,
    "dataset": "ds002345",
    "modality": "bold",
    "subject_id": "070",
    "task_id": "pieman"
  },
  "dummy_trs": 0,
  "dvars_nstd": 20.95177428461539,
  "dvars_std": 1.2354759663210702,
  "dvars_vstd": 1.0079609718394629,
  "efc": 0.6101677847471692,
  "fber": 1540.3988037109375,
  "fd_mean": 0.12821983372763837,
  "fd_num": 29,
  "fd_perc": 9.666666666666666,
  "fwhm_avg": 1.7892197222222224,
  "fwhm_x": 1.76731,
  "fwhm_y": 1.9448466666666666,
  "fwhm_z": 1.6555025,
  "gcor": 0.0545818,
  "gsr_x": -0.0023445517290383577,
  "gsr_y": 0.02920542284846306,
  "provenance": {
    "md5sum": "203ccc7e3adce15aca12d24c41ace6af",
    "settings": {
      "fd_thres": 0.2,
      "testing": false
    },
    "software": "mriqc",
    "version": "21.0.0rc2",
    "webapi_port": null,
    "webapi_url": "https://mriqc.nimh.nih.gov/api/v1"
  },
  "size_t": 300,
  "size_x": 64,
  "size_y": 64,
  "size_z": 27,
  "snr": 7.134046224311755,
  "spacing_tr": 1.5,
  "spacing_x": 3.0,
  "spacing_y": 3.0,
  "spacing_z": 4.0,
  "summary_bg_k": 12.863080418415244,
  "summary_bg_mad": 13.442260020189481,
  "summary_bg_mean": 53.249610900878906,
  "summary_bg_median": 18.18000030517578,
  "summary_bg_n": 53841.0,
  "summary_bg_p05": 7.306666851043701,
  "summary_bg_p95": 230.0166778564453,
  "summary_bg_stdv": 86.1904296875,
  "summary_fg_k": 1.5457634864631897,
  "summary_fg_mad": 99.10952410301759,
  "summary_fg_mean": 758.3704833984375,
  "summary_fg_median": 748.780029296875,
  "summary_fg_n": 28160.0,
  "summary_fg_p05": 610.6498565673828,
  "summary_fg_p95": 936.390216064453,
  "summary_fg_stdv": 104.9568099975586,
  "tsnr": 78.35181190795265
}