{
  "bids_meta": {
    "DeviceSerialNumber": "45031",
    "DwellTime": 8.2e-06,
    "EchoTime": 0.00308,
    "FlipAngle": 9,
    "InstitutionAddress": "Washington Rd, Building 25, Princeton, NJ 08540, USA",
    "InstitutionName": "Princeton University",
    "InstitutionalDepartmentName": "Princeton Neuroscience Institute",
    "InversionTime": 0.9,
    "MagneticFieldStrength": 3,
    "Manufacturer": "Siemens",
    "ManufacturersModelName": "Skyra",
    "ParallelReductionFactorInPlane": 2,
    "ParellelReductionType": "TODO",
    "PartialFourier": 1,
    "PixelBandwidth": 240,
    "PulseSequenceDetails": "%SiemensSeq%_tfl",
    "PulseSequenceType": "MPRAGE",
    "ReceiveCoilActiveElements": "HE1-4",
    "ReceiveCoilName": "HeadNeck_20",
    "RepetitionTime": 2.3,
    "ScanOptions": "IR",
    "ScanningSequence": "GR_IR",
    "SequenceName": "_tfl3d1_16ns",
    "SequenceVariant": "SK_SP_MP",
    "SoftwareVersions": "syngo_MR_E11",
    "StationName": "AWP45031",
    "dataset": "ds002345",
    "modality": "T1w",
    "run_id": 4,
    "subject_id": "075"
  },
  "cjv": 0.42826544388853055,
  "cnr": 3.056834489738024,
  "efc": 0.6213831352456543,
  "fber": 996.9763232335231,
  "fwhm_avg": 3.3092432010102044,
  "fwhm_x": 3.380855421212431,
  "fwhm_y": 3.472081454545455,
  "fwhm_z": 3.074792727272727,
  "icvs_csf": 0.17234773571589226,
  "icvs_gm": 0.4433503396627658,
  "icvs_wm": 0.3843019246213419,
  "inu_med": 1.3683972358703613,
  "inu_range": 0.48481099605560285,
  "provenance": {
    "md5sum": "530c5aa6cab9c7d11c3b50266724017a",
    "settings": {
      "testing": false
    },
    "software": "mriqc",
    "version": "21.0.0rc2",
    "warnings": {
      "large_rot_frame": true,
      "small_air_mask": false
    },
    "webapi_port": null,
    "webapi_url": "https://mriqc.nimh.nih.gov/api/v1"
  },
  "qi_1": 0.0,
  "qi_2": 0.005028198095152784,
  "rpve_csf": 21.472364831445375,
  "rpve_gm": 9.539026974065983,
  "rpve_wm": 12.95944070627932,
  "size_x": 192,
  "size_y": 256,
  "size_z": 256,
  "snr_csf": 2.6152818580348254,
  "snr_gm": 9.73630658068712,
  "snr_total": 9.855471664690711,
  "snr_wm": 17.214826555350186,
  "snrd_csf": 19.86823656095706,
  "snrd_gm": 38.44050350059361,
  "snrd_total": 37.44022160457862,
  "snrd_wm": 54.01192475218518,
  "spacing_x": 0.9000000357627869,
  "spacing_y": 0.859375,
  "spacing_z": 0.859375,
  "summary_bg_k": 2.133844854895286,
  "summary_bg_mad": 12.130217052074178,
  "summary_bg_mean": 20.66790674709074,
  "summary_bg_median": 19.049944818019867,
  "summary_bg_n": 2514704.0,
  "summary_bg_p05": 2.7475881949067116,
  "summary_bg_p95": 46.220539189875126,
  "summary_bg_stdv": 13.312370982673508,
  "summary_csf_k": 17.216032601785404,
  "summary_csf_mad": 163.21478615589362,
  "summary_csf_mean": 367.2720632519369,
  "summary_csf_median": 367.8715305402875,
  "summary_csf_n": 9394.0,
  "summary_csf_p05": 172.58822602517904,
  "summary_csf_p95": 567.1907368261369,
  "summary_csf_stdv": 140.65480122399885,
  "summary_gm_k": 0.45526486117504694,
  "summary_gm_mad": 68.70772195913658,
  "summary_gm_mean": 713.3513150672524,
  "summary_gm_median": 711.747457511723,
  "summary_gm_n": 37988.0,
  "summary_gm_p05": 595.7381781712174,
  "summary_gm_p95": 837.5869968384504,
  "summary_gm_stdv": 73.10144596364822,
  "summary_wm_k": 0.4833260507587891,
  "summary_wm_mad": 54.767024750036406,
  "summary_wm_mean": 998.487897614685,
  "summary_wm_median": 1000.0610454306006,
  "summary_wm_n": 329715.0,
  "summary_wm_p05": 899.8046050742269,
  "summary_wm_p95": 1090.7925133779645,
  "summary_wm_stdv": 58.09291924378313,
  "tpm_overlap_csf": 0.15822842717170715,
  "tpm_overlap_gm": 0.43689408898353577,
  "tpm_overlap_wm": 0.48409485816955566,
  "wm2max": 0.49130793061257466
}