{
  "bids_meta": {
    "DeviceSerialNumber": "66018",
    "DwellTime": 9.8e-06,
    "EchoTime": 0.00267,
    "FlipAngle": 7,
    "InstitutionAddress": "Washington Rd, Building 25, Princeton, NJ 08540, USA",
    "InstitutionName": "Princeton University",
    "InstitutionalDepartmentName": "Princeton Neuroscience Institute",
    "InversionTime": 1.2,
    "MagneticFieldStrength": 3,
    "Manufacturer": "Siemens",
    "ManufacturersModelName": "Prisma",
    "ParallelReductionFactorInPlane": 2,
    "ParellelReductionType": "TODO",
    "PartialFourier": 1,
    "PixelBandwidth": 200,
    "PulseSequenceDetails": "%SiemensSeq%_tfl",
    "PulseSequenceType": "MPRAGE",
    "ReceiveCoilActiveElements": "HC1-7;NC1",
    "ReceiveCoilName": "HeadNeck_64",
    "RepetitionTime": 2.53,
    "ScanOptions": "IR",
    "ScanningSequence": "GR_IR",
    "SequenceName": "_tfl3d1_16",
    "SequenceVariant": "SK_SP_MP",
    "SoftwareVersions": "syngo_MR_D13D",
    "StationName": "AWP66018",
    "dataset": "ds002345",
    "modality": "T1w",
    "run_id": 3,
    "subject_id": "075"
  },
  "cjv": 0.3918716152227463,
  "cnr": 3.032760845535088,
  "efc": 0.564596874792646,
  "fber": 354.4113663353884,
  "fwhm_avg": 3.69418,
  "fwhm_x": 3.59477,
  "fwhm_y": 3.69115,
  "fwhm_z": 3.79662,
  "icvs_csf": 0.1813278092782641,
  "icvs_gm": 0.42976021388550084,
  "icvs_wm": 0.3889119768362351,
  "inu_med": 1.1041239500045776,
  "inu_range": 0.4785684764385223,
  "provenance": {
    "md5sum": "a28e3726a5b5f6988612dc5c02ebd38b",
    "settings": {
      "testing": false
    },
    "software": "mriqc",
    "version": "21.0.0rc2",
    "warnings": {
      "large_rot_frame": true,
      "small_air_mask": false
    },
    "webapi_port": null,
    "webapi_url": "https://mriqc.nimh.nih.gov/api/v1"
  },
  "qi_1": 1.9382576337584673e-06,
  "qi_2": 0.0022344157443663472,
  "rpve_csf": 28.29478382947591,
  "rpve_gm": 12.994206895920813,
  "rpve_wm": 17.179715011485666,
  "size_x": 176,
  "size_y": 256,
  "size_z": 256,
  "snr_csf": 2.1569046306646253,
  "snr_gm": 10.850924889223398,
  "snr_total": 10.0122195578094,
  "snr_wm": 17.028829153540173,
  "snrd_csf": 11.799464280714263,
  "snrd_gm": 20.57399360340273,
  "snrd_total": 20.291347866584,
  "snrd_wm": 28.50058571563501,
  "spacing_x": 1.0,
  "spacing_y": 1.0,
  "spacing_z": 1.0,
  "summary_bg_k": 5.01333796945158,
  "summary_bg_mad": 22.98676851660706,
  "summary_bg_mean": 41.175905132941175,
  "summary_bg_median": 38.37174433469772,
  "summary_bg_n": 3382776.0,
  "summary_bg_p05": 8.979347348213196,
  "summary_bg_p95": 81.77192318439484,
  "summary_bg_stdv": 23.146374044669933,
  "summary_csf_k": 33.598219666164745,
  "summary_csf_mad": 163.92494768406655,
  "summary_csf_mean": 395.88356971441146,
  "summary_csf_median": 414.0077750682831,
  "summary_csf_n": 7859.0,
  "summary_csf_p05": 149.6557891368866,
  "summary_csf_p95": 593.4211213171482,
  "summary_csf_stdv": 191.9331196295,
  "summary_gm_k": 0.3334034377148756,
  "summary_gm_mad": 61.86014539025143,
  "summary_gm_mean": 721.2483394397184,
  "summary_gm_median": 721.8796644806862,
  "summary_gm_n": 20471.0,
  "summary_gm_p05": 609.3385110497475,
  "summary_gm_p95": 832.2657745480537,
  "summary_gm_stdv": 66.52539206300217,
  "summary_wm_k": 4.014889373605592,
  "summary_wm_mad": 47.12731305914421,
  "summary_wm_mean": 1006.9861834219448,
  "summary_wm_median": 999.9999830126762,
  "summary_wm_n": 200142.0,
  "summary_wm_p05": 927.7461680173874,
  "summary_wm_p95": 1108.889535188675,
  "summary_wm_stdv": 58.723795732923094,
  "tpm_overlap_csf": 0.15248240530490875,
  "tpm_overlap_gm": 0.44107192754745483,
  "tpm_overlap_wm": 0.48996809124946594,
  "wm2max": 0.3708033586282668
}