{
  "aor": 0.0007408957654723128,
  "aqi": 0.025106291026058634,
  "bids_meta": {
    "CogAtlasID": "https://www.cognitiveatlas.org/task/id/trm_4c8991fadfe01",
    "DeviceSerialNumber": "45031",
    "DwellTime": 4.9e-06,
    "EchoTime": 0.028,
    "EffectiveEchoSpacing": 0.000355001,
    "FlipAngle": 64,
    "InstitutionAddress": "Washington Rd, Princeton, NJ 08540, USA",
    "InstitutionName": "Princeton University",
    "InstitutionalDepartmentName": "Princeton Neuroscience Institute",
    "MagneticFieldStrength": 3,
    "Manufacturer": "Siemens",
    "ManufacturersModelName": "Skyra",
    "NumberOfVolumesDiscardedByScanner": 3,
    "ParallelReductionFactorInPlane": 2,
    "ParallelReductionType": "GRAPPA",
    "PartialFourier": 1,
    "PhaseEncodingDirection": "j-",
    "PixelBandwidth": 1595,
    "PulseSequenceDetails": "%SiemensSeq%_ep2d_bold",
    "PulseSequenceType": "Gradient Echo EPI",
    "ReceiveCoilActiveElements": "HE1-4",
    "ReceiveCoilName": "HeadNeck_20",
    "RepetitionTime": 1.5,
    "ScanOptions": "FS",
    "ScanningSequence": "EP",
    "SequenceName": "_epfid2d1_64",
    "SequenceVariant": "SK",
    "SliceTiming": [
      0,
      0.7675,
      0.055,
      0.8225,
      0.1075,
      0.875,
      0.1625,
      0.93,
      0.2175,
      0.985,
      0.2725,
      1.04,
      0.3275,
      1.095,
      0.3825,
      1.15,
      0.4375,
      1.205,
      0.4925,
      1.26,
      0.5475,
      1.315,
      0.6025,
      1.37,
      0.6575,
      1.425,
      0.7125
    ],
    "SoftwareVersions": "syngo_MR_D13",
    "StationName": "AWP45031",
    "TaskDescription": "Passively listened to audio story 'merlin'",
    "TaskName": "merlin",
    "TotalReadoutTime": 0.022365,
    "dataset": "ds002345",
    "modality": "bold",
    "subject_id": "155",
    "task_id": "merlin"
  },
  "dummy_trs": 0,
  "dvars_nstd": 27.736752679608475,
  "dvars_std": 1.1329975798368674,
  "dvars_vstd": 0.9637302797553011,
  "efc": 0.5945912966536612,
  "fber": 1600.634521484375,
  "fd_mean": 0.27432261221727205,
  "fd_num": 344,
  "fd_perc": 56.02605863192182,
  "fwhm_avg": 1.7284503083682246,
  "fwhm_x": 1.7093666666666667,
  "fwhm_y": 1.9363166666666667,
  "fwhm_z": 1.5396675917713398,
  "gcor": 0.0158974,
  "gsr_x": -0.002018500352278352,
  "gsr_y": 0.038900602608919144,
  "provenance": {
    "md5sum": "f98b222692de9cb097733e3fdc697e62",
    "settings": {
      "fd_thres": 0.2,
      "testing": false
    },
    "software": "mriqc",
    "version": "22.0.0rc1",
    "webapi_port": null,
    "webapi_url": "https://mriqc.nimh.nih.gov/api/v1"
  },
  "size_t": 614,
  "size_x": 64,
  "size_y": 64,
  "size_z": 27,
  "snr": 7.356511272221819,
  "spacing_tr": 1.5,
  "spacing_x": 3.0,
  "spacing_y": 3.0,
  "spacing_z": 3.999999761581421,
  "summary_bg_k": 17.152823038798818,
  "summary_bg_mad": 11.329591872745297,
  "summary_bg_mean": 37.22773742675781,
  "summary_bg_median": 15.614006042480469,
  "summary_bg_n": 54859.0,
  "summary_bg_p05": 6.797882318496704,
  "summary_bg_p95": 140.26889190673822,
  "summary_bg_stdv": 56.94474411010742,
  "summary_fg_k": 2.7253180444158787,
  "summary_fg_mad": 83.22493986033959,
  "summary_fg_mean": 653.5711059570312,
  "summary_fg_median": 647.99267578125,
  "summary_fg_n": 27490.0,
  "summary_fg_p05": 532.075814819336,
  "summary_fg_p95": 796.6282440185547,
  "summary_fg_stdv": 88.08263397216797,
  "tsnr": 44.53885691362666
}