{
  "aor": 0.001444875,
  "aqi": 0.006063098675000001,
  "bids_meta": {
    "CogAtlasID": "https://www.cognitiveatlas.org/task/id/trm_4c8991fadfe01",
    "DeviceSerialNumber": "45031",
    "DwellTime": 5.4e-06,
    "EchoTime": 0.028,
    "EffectiveEchoSpacing": 0.000390001,
    "FlipAngle": 64,
    "InstitutionAddress": "Washington Rd, Princeton, NJ 08540, USA",
    "InstitutionName": "Princeton University",
    "InstitutionalDepartmentName": "Princeton Neuroscience Institute",
    "MagneticFieldStrength": 3,
    "Manufacturer": "Siemens",
    "ManufacturersModelName": "Skyra",
    "NumberOfVolumesDiscardedByScanner": 3,
    "ParallelReductionFactorInPlane": 2,
    "ParallelReductionType": "GRAPPA",
    "PartialFourier": 1,
    "PhaseEncodingDirection": "j-",
    "PixelBandwidth": 1445,
    "PulseSequenceDetails": "%SiemensSeq%_ep2d_bold",
    "PulseSequenceType": "Gradient Echo EPI",
    "ReceiveCoilActiveElements": "HE1-4",
    "ReceiveCoilName": "HeadNeck_20",
    "RepetitionTime": 1.5,
    "ScanOptions": "FS",
    "ScanningSequence": "EP",
    "SequenceName": "_epfid2d1_64",
    "SequenceVariant": "SK",
    "SliceTiming": [
      0,
      0.7775,
      0.055,
      0.8325,
      0.11,
      0.8875,
      0.165,
      0.9425,
      0.2225,
      1,
      0.2775,
      1.055,
      0.3325,
      1.11,
      0.3875,
      1.165,
      0.445,
      1.2225,
      0.5,
      1.2775,
      0.555,
      1.3325,
      0.61,
      1.3875,
      0.665,
      1.4425,
      0.7225
    ],
    "SoftwareVersions": "syngo_MR_D11",
    "StationName": "AWP45031",
    "TaskDescription": "Passively listened to audio story 'notthefall'",
    "TaskName": "notthefall",
    "TotalReadoutTime": 0.0245701,
    "dataset": "ds002345",
    "modality": "bold",
    "subject_id": "084",
    "task_id": "notthefall"
  },
  "dummy_trs": 0,
  "dvars_nstd": 23.05162385822056,
  "dvars_std": 1.286239859398496,
  "dvars_vstd": 1.0207534494736836,
  "efc": 0.604404022692553,
  "fber": 1675.4989013671875,
  "fd_mean": 0.1570213424940771,
  "fd_num": 97,
  "fd_perc": 24.25,
  "fwhm_avg": 1.7692675,
  "fwhm_x": 1.7728400000000002,
  "fwhm_y": 1.94403,
  "fwhm_z": 1.5909325,
  "gcor": 0.0366586,
  "gsr_x": -0.00299397436901927,
  "gsr_y": 0.018957076594233513,
  "provenance": {
    "md5sum": "8186818cfcaf8c8224bbeaa3a824cf07",
    "settings": {
      "fd_thres": 0.2,
      "testing": false
    },
    "software": "mriqc",
    "version": "21.0.0rc2",
    "webapi_port": null,
    "webapi_url": "https://mriqc.nimh.nih.gov/api/v1"
  },
  "size_t": 400,
  "size_x": 64,
  "size_y": 64,
  "size_z": 27,
  "snr": 6.879223734472432,
  "spacing_tr": 1.5,
  "spacing_x": 3.0,
  "spacing_y": 3.0,
  "spacing_z": 4.0,
  "summary_bg_k": 23.02612823278851,
  "summary_bg_mad": 13.417550360259629,
  "summary_bg_mean": 41.23428726196289,
  "summary_bg_median": 17.864999771118164,
  "summary_bg_n": 52595.0,
  "summary_bg_p05": 6.71999979019165,
  "summary_bg_p95": 154.05024871826166,
  "summary_bg_stdv": 69.62843322753906,
  "summary_fg_k": 1.7983437886016453,
  "summary_fg_mad": 107.46640009057262,
  "summary_fg_mean": 775.9322509765625,
  "summary_fg_median": 768.677490234375,
  "summary_fg_n": 29471.0,
  "summary_fg_p05": 617.0162353515625,
  "summary_fg_p95": 959.9337463378906,
  "summary_fg_stdv": 111.73709106445312,
  "tsnr": 73.98432680033147
}