{
  "aor": 0.002664256756756757,
  "aqi": 0.026363069054054056,
  "bids_meta": {
    "CogAtlasID": "https://www.cognitiveatlas.org/task/id/trm_4c8991fadfe01",
    "DeviceSerialNumber": "45031",
    "DwellTime": 5.4e-06,
    "EchoTime": 0.028,
    "EffectiveEchoSpacing": 0.000390001,
    "FlipAngle": 64,
    "InstitutionAddress": "Washington Rd, Princeton, NJ 08540, USA",
    "InstitutionName": "Princeton University",
    "InstitutionalDepartmentName": "Princeton Neuroscience Institute",
    "MagneticFieldStrength": 3,
    "Manufacturer": "Siemens",
    "ManufacturersModelName": "Skyra",
    "NumberOfVolumesDiscardedByScanner": 3,
    "ParallelReductionFactorInPlane": 2,
    "ParallelReductionType": "GRAPPA",
    "PartialFourier": 1,
    "PhaseEncodingDirection": "j-",
    "PixelBandwidth": 1445,
    "PulseSequenceDetails": "%SiemensSeq%_ep2d_bold",
    "PulseSequenceType": "Gradient Echo EPI",
    "ReceiveCoilActiveElements": "HE1-4",
    "ReceiveCoilName": "HeadNeck_20",
    "RepetitionTime": 1.52,
    "ScanOptions": "FS",
    "ScanningSequence": "EP",
    "SequenceName": "_epfid2d1_64",
    "SequenceVariant": "SK",
    "SliceTiming": [
      0,
      0.7775,
      0.0575,
      0.835,
      0.1125,
      0.89,
      0.1675,
      0.945,
      0.2225,
      1,
      0.2775,
      1.055,
      0.335,
      1.1125,
      0.39,
      1.1675,
      0.445,
      1.2225,
      0.5,
      1.2775,
      0.5575,
      1.335,
      0.6125,
      1.39,
      0.6675,
      1.445,
      0.7225
    ],
    "SoftwareVersions": "syngo_MR_E11",
    "StationName": "AWP45031",
    "TaskDescription": "Passively listened to audio story 'milkyway'",
    "TaskName": "milkyway",
    "TotalReadoutTime": 0.0245701,
    "dataset": "ds002345",
    "modality": "bold",
    "subject_id": "120",
    "task_id": "milkyway"
  },
  "dummy_trs": 1,
  "dvars_nstd": 23.995202953457635,
  "dvars_std": 1.066499754610169,
  "dvars_vstd": 0.9491653823050845,
  "efc": 0.640698169191833,
  "fber": 1129.3743896484375,
  "fd_mean": 0.1905513492612861,
  "fd_num": 81,
  "fd_perc": 27.364864864864863,
  "fwhm_avg": 1.7163508333333333,
  "fwhm_x": 1.68036,
  "fwhm_y": 1.99416,
  "fwhm_z": 1.4745325,
  "gcor": 0.0279759,
  "gsr_x": 0.0030542039312422276,
  "gsr_y": 0.05460435152053833,
  "provenance": {
    "md5sum": "d4d4610aad814f6c138cecca51ec6c93",
    "settings": {
      "fd_thres": 0.2,
      "testing": false
    },
    "software": "mriqc",
    "version": "22.0.0rc1",
    "webapi_port": null,
    "webapi_url": "https://mriqc.nimh.nih.gov/api/v1"
  },
  "size_t": 296,
  "size_x": 64,
  "size_y": 64,
  "size_z": 27,
  "snr": 6.8447793994035235,
  "spacing_tr": 1.5199999809265137,
  "spacing_x": 3.0,
  "spacing_y": 3.0,
  "spacing_z": 4.0,
  "summary_bg_k": 14.770693972664546,
  "summary_bg_mad": 17.871367588239345,
  "summary_bg_mean": 58.281517028808594,
  "summary_bg_median": 20.898649215698242,
  "summary_bg_n": 49902.0,
  "summary_bg_p05": 7.297466397285462,
  "summary_bg_p95": 268.166221618652,
  "summary_bg_stdv": 93.70909881591797,
  "summary_fg_k": 2.729547162529207,
  "summary_fg_mad": 95.99342616018619,
  "summary_fg_mean": 744.5720825195312,
  "summary_fg_median": 731.4898681640625,
  "summary_fg_n": 32205.0,
  "summary_fg_p05": 606.6419067382812,
  "summary_fg_p95": 925.0392333984375,
  "summary_fg_stdv": 106.86663055419922,
  "tsnr": 43.91644310276024
}