{
  "aor": 0.0005209615384615385,
  "aqi": 0.004454042980769231,
  "bids_meta": {
    "CogAtlasID": "https://www.cognitiveatlas.org/task/id/trm_4c8991fadfe01",
    "DeviceSerialNumber": "66018",
    "DwellTime": 4.2e-06,
    "EchoTime": 0.039,
    "EffectiveEchoSpacing": 0.000929976,
    "FlipAngle": 50,
    "InstitutionAddress": "Washington Rd, Princeton, NJ 08540, USA",
    "InstitutionName": "Princeton University",
    "InstitutionalDepartmentName": "Princeton Neuroscience Institute",
    "MagneticFieldStrength": 3,
    "Manufacturer": "Siemens",
    "ManufacturersModelName": "Prisma",
    "NumberOfVolumesDiscardedByScanner": 3,
    "ParallelReductionType": "GRAPPA",
    "PartialFourier": 0.75,
    "PhaseEncodingDirection": "j-",
    "PixelBandwidth": 1240,
    "PulseSequenceDetails": "%CustomerSeq%_ep2d_bold_sms_mgh_v22",
    "PulseSequenceType": "Gradient Echo EPI",
    "ReceiveCoilActiveElements": "HC1-7;NC1,2",
    "ReceiveCoilName": "HeadNeck_64",
    "RepetitionTime": 1.5,
    "ScanOptions": "PFP_FS",
    "ScanningSequence": "EP",
    "SequenceName": "epfSM2d1_96",
    "SequenceVariant": "SK",
    "SliceTiming": [
      0.6925,
      0,
      0.79,
      0.1,
      0.8875,
      0.1975,
      0.9875,
      0.2975,
      1.085,
      0.395,
      1.185,
      0.495,
      1.2825,
      0.5925,
      1.3825,
      0.6925,
      0,
      0.79,
      0.1,
      0.8875,
      0.1975,
      0.9875,
      0.2975,
      1.085,
      0.395,
      1.185,
      0.495,
      1.2825,
      0.5925,
      1.3825,
      0.6925,
      0,
      0.79,
      0.1,
      0.8875,
      0.1975,
      0.9875,
      0.2975,
      1.085,
      0.395,
      1.185,
      0.495,
      1.2825,
      0.5925,
      1.3825,
      0.6925,
      0,
      0.79,
      0.1,
      0.8875,
      0.1975,
      0.9875,
      0.2975,
      1.085,
      0.395,
      1.185,
      0.495,
      1.2825,
      0.5925,
      1.3825
    ],
    "SoftwareVersions": "syngo_MR_D13D",
    "StationName": "AWP66018",
    "TaskDescription": "Passively listened to audio story 'shapessocial'",
    "TaskName": "shapessocial",
    "TotalReadoutTime": 0.0883478,
    "dataset": "ds002345",
    "modality": "bold",
    "subject_id": "237",
    "task_id": "shapessocial"
  },
  "dummy_trs": 1,
  "dvars_nstd": 35.25957860652735,
  "dvars_std": 1.0926522033440522,
  "dvars_vstd": 0.9993011111897101,
  "efc": 0.5729124238418586,
  "fber": 343.2236328125,
  "fd_mean": 0.1431934700472842,
  "fd_num": 56,
  "fd_perc": 17.94871794871795,
  "fwhm_avg": 2.7791433333333333,
  "fwhm_x": 2.585065,
  "fwhm_y": 2.976835,
  "fwhm_z": 2.77553,
  "gcor": 0.00447158,
  "gsr_x": 0.0019301120191812515,
  "gsr_y": 0.06319578737020493,
  "provenance": {
    "md5sum": "0cafa9dbeb7445f59a12ea68a34257d1",
    "settings": {
      "fd_thres": 0.2,
      "testing": false
    },
    "software": "mriqc",
    "version": "22.0.0rc1",
    "webapi_port": null,
    "webapi_url": "https://mriqc.nimh.nih.gov/api/v1"
  },
  "size_t": 312,
  "size_x": 96,
  "size_y": 96,
  "size_z": 60,
  "snr": 2.48369447334423,
  "spacing_tr": 1.5,
  "spacing_x": 2.0,
  "spacing_y": 2.0,
  "spacing_z": 2.0,
  "summary_bg_k": 113.40249137537727,
  "summary_bg_mad": 6.942568916333227,
  "summary_bg_mean": 40.25990676879883,
  "summary_bg_median": 25.506410598754883,
  "summary_bg_n": 327907.0,
  "summary_bg_p05": 19.746795654296875,
  "summary_bg_p95": 96.39231109619148,
  "summary_bg_stdv": 51.661991119384766,
  "summary_fg_k": 3.1328275068439604,
  "summary_fg_mad": 175.92354863301978,
  "summary_fg_mean": 518.9974975585938,
  "summary_fg_median": 487.66668701171875,
  "summary_fg_n": 139238.0,
  "summary_fg_p05": 264.30802459716796,
  "summary_fg_p95": 869.360104370117,
  "summary_fg_stdv": 196.34658813476562,
  "tsnr": 46.551047917455435
}