{
  "aor": 0.0006276640926640928,
  "aqi": 0.005993004131274131,
  "bids_meta": {
    "CogAtlasID": "https://www.cognitiveatlas.org/task/id/trm_4c8991fadfe01",
    "DeviceSerialNumber": "66018",
    "DwellTime": 4.2e-06,
    "EchoTime": 0.039,
    "EffectiveEchoSpacing": 0.000929976,
    "FlipAngle": 50,
    "InstitutionAddress": "Washington Rd, Princeton, NJ 08540, USA",
    "InstitutionName": "Princeton University",
    "InstitutionalDepartmentName": "Princeton Neuroscience Institute",
    "MagneticFieldStrength": 3,
    "Manufacturer": "Siemens",
    "ManufacturersModelName": "Prisma",
    "NumberOfVolumesDiscardedByScanner": 3,
    "ParallelReductionType": "GRAPPA",
    "PartialFourier": 0.75,
    "PhaseEncodingDirection": "j-",
    "PixelBandwidth": 1240,
    "PulseSequenceDetails": "%CustomerSeq%_ep2d_bold_sms_mgh_v22",
    "PulseSequenceType": "Gradient Echo EPI",
    "ReceiveCoilActiveElements": "HC1-7;NC1,2",
    "ReceiveCoilName": "HeadNeck_64",
    "RepetitionTime": 1.5,
    "ScanOptions": "PFP_FS",
    "ScanningSequence": "EP",
    "SequenceName": "epfSM2d1_96",
    "SequenceVariant": "SK",
    "SliceTiming": [
      0.6925,
      0,
      0.79,
      0.1,
      0.8875,
      0.1975,
      0.9875,
      0.2975,
      1.085,
      0.395,
      1.185,
      0.495,
      1.2825,
      0.5925,
      1.3825,
      0.6925,
      0,
      0.79,
      0.1,
      0.8875,
      0.1975,
      0.9875,
      0.2975,
      1.085,
      0.395,
      1.185,
      0.495,
      1.2825,
      0.5925,
      1.3825,
      0.6925,
      0,
      0.79,
      0.1,
      0.8875,
      0.1975,
      0.9875,
      0.2975,
      1.085,
      0.395,
      1.185,
      0.495,
      1.2825,
      0.5925,
      1.3825,
      0.6925,
      0,
      0.79,
      0.1,
      0.8875,
      0.1975,
      0.9875,
      0.2975,
      1.085,
      0.395,
      1.185,
      0.495,
      1.2825,
      0.5925,
      1.3825
    ],
    "SoftwareVersions": "syngo_MR_D13D",
    "StationName": "AWP66018",
    "TaskDescription": "Passively listened to audio story 'schema'",
    "TaskName": "schema",
    "TotalReadoutTime": 0.0883478,
    "dataset": "ds002345",
    "modality": "bold",
    "run_id": 2,
    "subject_id": "184",
    "task_id": "schema"
  },
  "dummy_trs": 0,
  "dvars_nstd": 30.10279980131528,
  "dvars_std": 1.0253401322823992,
  "dvars_vstd": 0.9866867571760145,
  "efc": 0.585889130764335,
  "fber": 318.736572265625,
  "fd_mean": 0.11974411589845989,
  "fd_num": 41,
  "fd_perc": 7.915057915057915,
  "fwhm_avg": 2.875761666666667,
  "fwhm_x": 2.67201,
  "fwhm_y": 3.095545,
  "fwhm_z": 2.85973,
  "gcor": 0.0108854,
  "gsr_x": 0.005583028309047222,
  "gsr_y": 0.056219007819890976,
  "provenance": {
    "md5sum": "4f5ca1862bdbbcf7b05e1272d770034e",
    "settings": {
      "fd_thres": 0.2,
      "testing": false
    },
    "software": "mriqc",
    "version": "22.0.0rc1",
    "webapi_port": null,
    "webapi_url": "https://mriqc.nimh.nih.gov/api/v1"
  },
  "size_t": 518,
  "size_x": 96,
  "size_y": 96,
  "size_z": 60,
  "snr": 2.605652105898804,
  "spacing_tr": 1.5,
  "spacing_x": 2.0,
  "spacing_y": 2.0,
  "spacing_z": 2.0,
  "summary_bg_k": 35.453798152780074,
  "summary_bg_mad": 6.960788685036366,
  "summary_bg_mean": 42.24409103393555,
  "summary_bg_median": 25.72972869873047,
  "summary_bg_n": 326339.0,
  "summary_bg_p05": 19.938222885131836,
  "summary_bg_p95": 119.02142562866206,
  "summary_bg_stdv": 46.35310363769531,
  "summary_fg_k": 1.1319365942068078,
  "summary_fg_mad": 171.10604157688624,
  "summary_fg_mean": 502.278076171875,
  "summary_fg_median": 475.1563720703125,
  "summary_fg_n": 139797.0,
  "summary_fg_p05": 257.8490356445312,
  "summary_fg_p95": 835.577978515625,
  "summary_fg_stdv": 182.35537719726562,
  "tsnr": 41.72673390293494
}