{
  "aor": 0.0007356854838709677,
  "aqi": 0.007248237641129032,
  "bids_meta": {
    "CogAtlasID": "https://www.cognitiveatlas.org/task/id/trm_4c8991fadfe01",
    "DeviceSerialNumber": "66018",
    "DwellTime": 4.2e-06,
    "EchoTime": 0.039,
    "EffectiveEchoSpacing": 0.000929976,
    "FlipAngle": 50,
    "InstitutionAddress": "Washington Rd, Princeton, NJ 08540, USA",
    "InstitutionName": "Princeton University",
    "InstitutionalDepartmentName": "Princeton Neuroscience Institute",
    "MagneticFieldStrength": 3,
    "Manufacturer": "Siemens",
    "ManufacturersModelName": "Prisma",
    "NumberOfVolumesDiscardedByScanner": 3,
    "ParallelReductionType": "GRAPPA",
    "PartialFourier": 0.75,
    "PhaseEncodingDirection": "j-",
    "PixelBandwidth": 1240,
    "PulseSequenceDetails": "%CustomerSeq%_ep2d_bold_sms_mgh_v22",
    "PulseSequenceType": "Gradient Echo EPI",
    "ReceiveCoilActiveElements": "HC1-7;NC1,2",
    "ReceiveCoilName": "HeadNeck_64",
    "RepetitionTime": 1.5,
    "ScanOptions": "PFP_FS",
    "ScanningSequence": "EP",
    "SequenceName": "epfSM2d1_96",
    "SequenceVariant": "SK",
    "SliceTiming": [
      0.6925,
      0,
      0.79,
      0.1,
      0.8875,
      0.1975,
      0.9875,
      0.2975,
      1.085,
      0.395,
      1.185,
      0.495,
      1.2825,
      0.5925,
      1.3825,
      0.6925,
      0,
      0.79,
      0.1,
      0.8875,
      0.1975,
      0.9875,
      0.2975,
      1.085,
      0.395,
      1.185,
      0.495,
      1.2825,
      0.5925,
      1.3825,
      0.6925,
      0,
      0.79,
      0.1,
      0.8875,
      0.1975,
      0.9875,
      0.2975,
      1.085,
      0.395,
      1.185,
      0.495,
      1.2825,
      0.5925,
      1.3825,
      0.6925,
      0,
      0.79,
      0.1,
      0.8875,
      0.1975,
      0.9875,
      0.2975,
      1.085,
      0.395,
      1.185,
      0.495,
      1.2825,
      0.5925,
      1.3825
    ],
    "SoftwareVersions": "syngo_MR_D13D",
    "StationName": "AWP66018",
    "TaskDescription": "Passively listened to audio story 'schema'",
    "TaskName": "schema",
    "TotalReadoutTime": 0.0883478,
    "dataset": "ds002345",
    "modality": "bold",
    "run_id": 3,
    "subject_id": "184",
    "task_id": "schema"
  },
  "dummy_trs": 0,
  "dvars_nstd": 29.704608478000008,
  "dvars_std": 1.0041908376161615,
  "dvars_vstd": 0.9752827351717173,
  "efc": 0.5906826961092515,
  "fber": 273.0384826660156,
  "fd_mean": 0.12719889849985003,
  "fd_num": 62,
  "fd_perc": 12.5,
  "fwhm_avg": 2.8780633333333334,
  "fwhm_x": 2.65813,
  "fwhm_y": 3.09466,
  "fwhm_z": 2.8814,
  "gcor": 0.0152958,
  "gsr_x": 0.0069422852247953415,
  "gsr_y": 0.054862990975379944,
  "provenance": {
    "md5sum": "696ef56b0f3ec8b34d36283ae6d8e0c9",
    "settings": {
      "fd_thres": 0.2,
      "testing": false
    },
    "software": "mriqc",
    "version": "22.0.0rc1",
    "webapi_port": null,
    "webapi_url": "https://mriqc.nimh.nih.gov/api/v1"
  },
  "size_t": 496,
  "size_x": 96,
  "size_y": 96,
  "size_z": 60,
  "snr": 2.612141240111264,
  "spacing_tr": 1.5,
  "spacing_x": 2.0,
  "spacing_y": 2.0,
  "spacing_z": 2.0,
  "summary_bg_k": 32.380195113942534,
  "summary_bg_mad": 7.4219781709941985,
  "summary_bg_mean": 43.722537994384766,
  "summary_bg_median": 27.651208877563477,
  "summary_bg_n": 326480.0,
  "summary_bg_p05": 21.346773147583008,
  "summary_bg_p95": 120.80655059814451,
  "summary_bg_stdv": 45.70296859741211,
  "summary_fg_k": 1.1236704597655915,
  "summary_fg_mad": 169.56964254326215,
  "summary_fg_mean": 498.42193603515625,
  "summary_fg_median": 471.76007080078125,
  "summary_fg_n": 139819.0,
  "summary_fg_p05": 256.669140625,
  "summary_fg_p95": 828.3594299316406,
  "summary_fg_stdv": 180.6021728515625,
  "tsnr": 37.79004780924879
}