{
  "aor": 0.0012530139720558881,
  "aqi": 0.0058957867065868265,
  "bids_meta": {
    "CogAtlasID": "https://www.cognitiveatlas.org/task/id/trm_4c8991fadfe01",
    "DeviceSerialNumber": "66018",
    "DwellTime": 4.2e-06,
    "EchoTime": 0.039,
    "EffectiveEchoSpacing": 0.000929976,
    "FlipAngle": 50,
    "InstitutionAddress": "Washington Rd, Princeton, NJ 08540, USA",
    "InstitutionName": "Princeton University",
    "InstitutionalDepartmentName": "Princeton Neuroscience Institute",
    "MagneticFieldStrength": 3,
    "Manufacturer": "Siemens",
    "ManufacturersModelName": "Prisma",
    "NumberOfVolumesDiscardedByScanner": 3,
    "ParallelReductionType": "GRAPPA",
    "PartialFourier": 0.75,
    "PhaseEncodingDirection": "j-",
    "PixelBandwidth": 1240,
    "PulseSequenceDetails": "%CustomerSeq%_ep2d_bold_sms_mgh_v22",
    "PulseSequenceType": "Gradient Echo EPI",
    "ReceiveCoilActiveElements": "HC1-7;NC1,2",
    "ReceiveCoilName": "HeadNeck_64",
    "RepetitionTime": 1.5,
    "ScanOptions": "PFP_FS",
    "ScanningSequence": "EP",
    "SequenceName": "epfSM2d1_96",
    "SequenceVariant": "SK",
    "SliceTiming": [
      0.6925,
      0,
      0.79,
      0.1,
      0.8875,
      0.1975,
      0.9875,
      0.2975,
      1.085,
      0.395,
      1.185,
      0.495,
      1.2825,
      0.5925,
      1.3825,
      0.6925,
      0,
      0.79,
      0.1,
      0.8875,
      0.1975,
      0.9875,
      0.2975,
      1.085,
      0.395,
      1.185,
      0.495,
      1.2825,
      0.5925,
      1.3825,
      0.6925,
      0,
      0.79,
      0.1,
      0.8875,
      0.1975,
      0.9875,
      0.2975,
      1.085,
      0.395,
      1.185,
      0.495,
      1.2825,
      0.5925,
      1.3825,
      0.6925,
      0,
      0.79,
      0.1,
      0.8875,
      0.1975,
      0.9875,
      0.2975,
      1.085,
      0.395,
      1.185,
      0.495,
      1.2825,
      0.5925,
      1.3825
    ],
    "SoftwareVersions": "syngo_MR_D13D",
    "StationName": "AWP66018",
    "TaskDescription": "Passively listened to audio story 'schema'",
    "TaskName": "schema",
    "TotalReadoutTime": 0.0883478,
    "dataset": "ds002345",
    "modality": "bold",
    "run_id": 2,
    "subject_id": "109",
    "task_id": "schema"
  },
  "dummy_trs": 1,
  "dvars_nstd": 34.694578384439986,
  "dvars_std": 1.0814422159600001,
  "dvars_vstd": 1.0006567324000002,
  "efc": 0.5989021875623175,
  "fber": 253.2001495361328,
  "fd_mean": 0.12391581220946667,
  "fd_num": 57,
  "fd_perc": 11.377245508982035,
  "fwhm_avg": 2.909645,
  "fwhm_x": 2.769765,
  "fwhm_y": 3.043385,
  "fwhm_z": 2.915785,
  "gcor": 0.0147332,
  "gsr_x": -0.01844569854438305,
  "gsr_y": 0.09492547065019608,
  "provenance": {
    "md5sum": "2a16da08cc169eaff921ab8bce1799b3",
    "settings": {
      "fd_thres": 0.2,
      "testing": false
    },
    "software": "mriqc",
    "version": "22.0.0rc1",
    "webapi_port": null,
    "webapi_url": "https://mriqc.nimh.nih.gov/api/v1"
  },
  "size_t": 501,
  "size_x": 96,
  "size_y": 96,
  "size_z": 60,
  "snr": 1.8141703201139132,
  "spacing_tr": 1.5,
  "spacing_x": 2.0,
  "spacing_y": 2.0,
  "spacing_z": 2.0,
  "summary_bg_k": 24.61551307868745,
  "summary_bg_mad": 9.090926516805524,
  "summary_bg_mean": 58.930908203125,
  "summary_bg_median": 27.618762969970703,
  "summary_bg_n": 303596.0,
  "summary_bg_p05": 20.361276626586914,
  "summary_bg_p95": 215.09032440185547,
  "summary_bg_stdv": 79.22367095947266,
  "summary_fg_k": 5.1857032860217185,
  "summary_fg_mad": 198.14489094785247,
  "summary_fg_mean": 519.426513671875,
  "summary_fg_median": 461.1696472167969,
  "summary_fg_n": 157146.0,
  "summary_fg_p05": 237.84929656982422,
  "summary_fg_p95": 999.9985046386719,
  "summary_fg_stdv": 254.20335388183594,
  "tsnr": 36.64407478272915
}