{
  "aor": 0.0014988484848484848,
  "aqi": 0.007337646646464646,
  "bids_meta": {
    "CogAtlasID": "https://www.cognitiveatlas.org/task/id/trm_4c8991fadfe01",
    "DeviceSerialNumber": "66018",
    "DwellTime": 4.2e-06,
    "EchoTime": 0.039,
    "EffectiveEchoSpacing": 0.000929976,
    "FlipAngle": 50,
    "InstitutionAddress": "Washington Rd, Princeton, NJ 08540, USA",
    "InstitutionName": "Princeton University",
    "InstitutionalDepartmentName": "Princeton Neuroscience Institute",
    "MagneticFieldStrength": 3,
    "Manufacturer": "Siemens",
    "ManufacturersModelName": "Prisma",
    "NumberOfVolumesDiscardedByScanner": 3,
    "ParallelReductionType": "GRAPPA",
    "PartialFourier": 0.75,
    "PhaseEncodingDirection": "j-",
    "PixelBandwidth": 1240,
    "PulseSequenceDetails": "%CustomerSeq%_ep2d_bold_sms_mgh_v22",
    "PulseSequenceType": "Gradient Echo EPI",
    "ReceiveCoilActiveElements": "HC1-7;NC1,2",
    "ReceiveCoilName": "HeadNeck_64",
    "RepetitionTime": 1.5,
    "ScanOptions": "PFP_FS",
    "ScanningSequence": "EP",
    "SequenceName": "epfSM2d1_96",
    "SequenceVariant": "SK",
    "SliceTiming": [
      0.6925,
      0,
      0.79,
      0.1,
      0.8875,
      0.1975,
      0.9875,
      0.2975,
      1.085,
      0.395,
      1.185,
      0.495,
      1.2825,
      0.5925,
      1.3825,
      0.6925,
      0,
      0.79,
      0.1,
      0.8875,
      0.1975,
      0.9875,
      0.2975,
      1.085,
      0.395,
      1.185,
      0.495,
      1.2825,
      0.5925,
      1.3825,
      0.6925,
      0,
      0.79,
      0.1,
      0.8875,
      0.1975,
      0.9875,
      0.2975,
      1.085,
      0.395,
      1.185,
      0.495,
      1.2825,
      0.5925,
      1.3825,
      0.6925,
      0,
      0.79,
      0.1,
      0.8875,
      0.1975,
      0.9875,
      0.2975,
      1.085,
      0.395,
      1.185,
      0.495,
      1.2825,
      0.5925,
      1.3825
    ],
    "SoftwareVersions": "syngo_MR_D13D",
    "StationName": "AWP66018",
    "TaskDescription": "Passively listened to audio story 'schema'",
    "TaskName": "schema",
    "TotalReadoutTime": 0.0883478,
    "dataset": "ds002345",
    "modality": "bold",
    "run_id": 4,
    "subject_id": "109",
    "task_id": "schema"
  },
  "dummy_trs": 1,
  "dvars_nstd": 35.786713627186245,
  "dvars_std": 1.0790536872064784,
  "dvars_vstd": 0.9994213156680162,
  "efc": 0.6009276999557849,
  "fber": 249.73341369628906,
  "fd_mean": 0.1371497435518881,
  "fd_num": 83,
  "fd_perc": 16.767676767676768,
  "fwhm_avg": 2.917175,
  "fwhm_x": 2.78739,
  "fwhm_y": 3.05224,
  "fwhm_z": 2.911895,
  "gcor": 0.0191598,
  "gsr_x": -0.014243547804653645,
  "gsr_y": 0.08397366851568222,
  "provenance": {
    "md5sum": "0b6bb30c8a91e9987d4f44b5d20b73c1",
    "settings": {
      "fd_thres": 0.2,
      "testing": false
    },
    "software": "mriqc",
    "version": "22.0.0rc1",
    "webapi_port": null,
    "webapi_url": "https://mriqc.nimh.nih.gov/api/v1"
  },
  "size_t": 495,
  "size_x": 96,
  "size_y": 96,
  "size_z": 60,
  "snr": 1.805166552043499,
  "spacing_tr": 1.5,
  "spacing_x": 2.0,
  "spacing_y": 2.0,
  "spacing_z": 2.0,
  "summary_bg_k": 23.635833296403675,
  "summary_bg_mad": 9.03938066178134,
  "summary_bg_mean": 58.11362075805664,
  "summary_bg_median": 27.65252685546875,
  "summary_bg_n": 300576.0,
  "summary_bg_p05": 20.44444465637207,
  "summary_bg_p95": 210.50354766845703,
  "summary_bg_stdv": 76.31077575683594,
  "summary_fg_k": 4.970550333773665,
  "summary_fg_mad": 198.49500007769856,
  "summary_fg_mean": 516.900390625,
  "summary_fg_median": 459.0000305175781,
  "summary_fg_n": 157955.0,
  "summary_fg_p05": 234.92263946533203,
  "summary_fg_p95": 998.8636779785155,
  "summary_fg_stdv": 254.26937866210938,
  "tsnr": 34.44994616508484
}