{
  "aor": 0.0008103703703703704,
  "aqi": 0.0062544589225589226,
  "bids_meta": {
    "CogAtlasID": "https://www.cognitiveatlas.org/task/id/trm_4c8991fadfe01",
    "DeviceSerialNumber": "45031",
    "DwellTime": 5.4e-06,
    "EchoTime": 0.028,
    "EffectiveEchoSpacing": 0.000390001,
    "FlipAngle": 64,
    "InstitutionAddress": "Washington Rd, Princeton, NJ 08540, USA",
    "InstitutionName": "Princeton University",
    "InstitutionalDepartmentName": "Princeton Neuroscience Institute",
    "MagneticFieldStrength": 3,
    "Manufacturer": "Siemens",
    "ManufacturersModelName": "Skyra",
    "NumberOfVolumesDiscardedByScanner": 3,
    "ParallelReductionFactorInPlane": 2,
    "ParallelReductionType": "GRAPPA",
    "PartialFourier": 1,
    "PhaseEncodingDirection": "j-",
    "PixelBandwidth": 1445,
    "PulseSequenceDetails": "%SiemensSeq%_ep2d_bold",
    "PulseSequenceType": "Gradient Echo EPI",
    "ReceiveCoilActiveElements": "HE1-4",
    "ReceiveCoilName": "HeadNeck_20",
    "RepetitionTime": 1.5,
    "ScanOptions": "FS",
    "ScanningSequence": "EP",
    "SequenceName": "_epfid2d1_64",
    "SequenceVariant": "SK",
    "SliceTiming": [
      0,
      0.7775,
      0.055,
      0.8325,
      0.11,
      0.8875,
      0.165,
      0.9425,
      0.22,
      0.9975,
      0.2775,
      1.055,
      0.3325,
      1.11,
      0.3875,
      1.165,
      0.4425,
      1.22,
      0.5,
      1.2775,
      0.555,
      1.3325,
      0.61,
      1.3875,
      0.665,
      1.4425,
      0.72
    ],
    "SoftwareVersions": "syngo_MR_D11",
    "StationName": "AWP45031",
    "TaskDescription": "Passively listened to audio story 'milkyway'",
    "TaskName": "milkyway",
    "TotalReadoutTime": 0.0245701,
    "dataset": "ds002345",
    "modality": "bold",
    "subject_id": "109",
    "task_id": "milkyway"
  },
  "dummy_trs": 0,
  "dvars_nstd": 18.828337859256763,
  "dvars_std": 1.0980256852027033,
  "dvars_vstd": 0.9930359543243246,
  "efc": 0.6241569768055,
  "fber": 1246.4263916015625,
  "fd_mean": 0.12594706230420805,
  "fd_num": 18,
  "fd_perc": 6.0606060606060606,
  "fwhm_avg": 1.7090350974055444,
  "fwhm_x": 1.6398566666666667,
  "fwhm_y": 1.9741766666666667,
  "fwhm_z": 1.5130719588833004,
  "gcor": 0.0535358,
  "gsr_x": -0.02400275133550167,
  "gsr_y": 0.07231829315423965,
  "provenance": {
    "md5sum": "4a2fa0a5ec9f4a292e6f26a5d7379c38",
    "settings": {
      "fd_thres": 0.2,
      "testing": false
    },
    "software": "mriqc",
    "version": "22.0.0rc1",
    "webapi_port": null,
    "webapi_url": "https://mriqc.nimh.nih.gov/api/v1"
  },
  "size_t": 297,
  "size_x": 64,
  "size_y": 64,
  "size_z": 27,
  "snr": 6.393227228417166,
  "spacing_tr": 1.5,
  "spacing_x": 3.0,
  "spacing_y": 3.0,
  "spacing_z": 4.000001430511475,
  "summary_bg_k": 19.857713822726545,
  "summary_bg_mad": 14.75114382784813,
  "summary_bg_mean": 49.64787292480469,
  "summary_bg_median": 18.1447811126709,
  "summary_bg_n": 52371.0,
  "summary_bg_p05": 6.585858345031738,
  "summary_bg_p95": 192.19696044921875,
  "summary_bg_stdv": 75.44291687011719,
  "summary_fg_k": 2.014598292851974,
  "summary_fg_mad": 102.91353354884457,
  "summary_fg_mean": 700.055419921875,
  "summary_fg_median": 692.2760620117188,
  "summary_fg_n": 29661.0,
  "summary_fg_p05": 549.5892333984375,
  "summary_fg_p95": 875.8350219726562,
  "summary_fg_stdv": 108.28089904785156,
  "tsnr": 68.17709260398988
}