{
  "aor": 0.0009635294117647057,
  "aqi": 0.005814575902636917,
  "bids_meta": {
    "CogAtlasID": "https://www.cognitiveatlas.org/task/id/trm_4c8991fadfe01",
    "DeviceSerialNumber": "66018",
    "DwellTime": 4.2e-06,
    "EchoTime": 0.039,
    "EffectiveEchoSpacing": 0.000929976,
    "FlipAngle": 50,
    "InstitutionAddress": "Washington Rd, Princeton, NJ 08540, USA",
    "InstitutionName": "Princeton University",
    "InstitutionalDepartmentName": "Princeton Neuroscience Institute",
    "MagneticFieldStrength": 3,
    "Manufacturer": "Siemens",
    "ManufacturersModelName": "Prisma",
    "NumberOfVolumesDiscardedByScanner": 3,
    "ParallelReductionType": "GRAPPA",
    "PartialFourier": 0.75,
    "PhaseEncodingDirection": "j-",
    "PixelBandwidth": 1240,
    "PulseSequenceDetails": "%CustomerSeq%_ep2d_bold_sms_mgh_v22",
    "PulseSequenceType": "Gradient Echo EPI",
    "ReceiveCoilActiveElements": "HC1-7;NC1,2",
    "ReceiveCoilName": "HeadNeck_64",
    "RepetitionTime": 1.5,
    "ScanOptions": "PFP_FS",
    "ScanningSequence": "EP",
    "SequenceName": "epfSM2d1_96",
    "SequenceVariant": "SK",
    "SliceTiming": [
      0.6925,
      0,
      0.79,
      0.1,
      0.8875,
      0.1975,
      0.9875,
      0.2975,
      1.085,
      0.395,
      1.185,
      0.495,
      1.2825,
      0.5925,
      1.3825,
      0.6925,
      0,
      0.79,
      0.1,
      0.8875,
      0.1975,
      0.9875,
      0.2975,
      1.085,
      0.395,
      1.185,
      0.495,
      1.2825,
      0.5925,
      1.3825,
      0.6925,
      0,
      0.79,
      0.1,
      0.8875,
      0.1975,
      0.9875,
      0.2975,
      1.085,
      0.395,
      1.185,
      0.495,
      1.2825,
      0.5925,
      1.3825,
      0.6925,
      0,
      0.79,
      0.1,
      0.8875,
      0.1975,
      0.9875,
      0.2975,
      1.085,
      0.395,
      1.185,
      0.495,
      1.2825,
      0.5925,
      1.3825
    ],
    "SoftwareVersions": "syngo_MR_D13D",
    "StationName": "AWP66018",
    "TaskDescription": "Passively listened to audio story 'schema'",
    "TaskName": "schema",
    "TotalReadoutTime": 0.0883478,
    "dataset": "ds002345",
    "modality": "bold",
    "run_id": 1,
    "subject_id": "109",
    "task_id": "schema"
  },
  "dummy_trs": 1,
  "dvars_nstd": 32.11914411796748,
  "dvars_std": 1.049447408048781,
  "dvars_vstd": 0.9873026029268284,
  "efc": 0.5969118829034592,
  "fber": 259.5148620605469,
  "fd_mean": 0.11373342134516023,
  "fd_num": 13,
  "fd_perc": 2.636916835699797,
  "fwhm_avg": 2.911341666666667,
  "fwhm_x": 2.772485,
  "fwhm_y": 3.04192,
  "fwhm_z": 2.91962,
  "gcor": 0.011231,
  "gsr_x": -0.018644200637936592,
  "gsr_y": 0.093535415828228,
  "provenance": {
    "md5sum": "d6d862f640b8e02e9ef23b2d6bf9a12b",
    "settings": {
      "fd_thres": 0.2,
      "testing": false
    },
    "software": "mriqc",
    "version": "22.0.0rc1",
    "webapi_port": null,
    "webapi_url": "https://mriqc.nimh.nih.gov/api/v1"
  },
  "size_t": 493,
  "size_x": 96,
  "size_y": 96,
  "size_z": 60,
  "snr": 1.8114720105573883,
  "spacing_tr": 1.5,
  "spacing_x": 2.0,
  "spacing_y": 2.0,
  "spacing_z": 2.0,
  "summary_bg_k": 25.298207812901005,
  "summary_bg_mad": 9.304606538924931,
  "summary_bg_mean": 57.29214096069336,
  "summary_bg_median": 27.365110397338867,
  "summary_bg_n": 302826.0,
  "summary_bg_p05": 19.793102264404297,
  "summary_bg_p95": 206.91581344604492,
  "summary_bg_stdv": 76.25115966796875,
  "summary_fg_k": 5.214489029809009,
  "summary_fg_mad": 198.89123692244232,
  "summary_fg_mean": 520.6986083984375,
  "summary_fg_median": 462.91278076171875,
  "summary_fg_n": 157640.0,
  "summary_fg_p05": 238.0018264770508,
  "summary_fg_p95": 1003.858203124999,
  "summary_fg_stdv": 255.54428100585938,
  "tsnr": 38.7456585932523
}