{
  "aor": 0.00030052854122621564,
  "aqi": 0.005940851733615222,
  "bids_meta": {
    "CogAtlasID": "https://www.cognitiveatlas.org/task/id/trm_4c8991fadfe01",
    "DeviceSerialNumber": "45031",
    "DwellTime": 5.4e-06,
    "EchoTime": 0.028,
    "EffectiveEchoSpacing": 0.000390001,
    "FlipAngle": 64,
    "InstitutionAddress": "Washington Rd, Princeton, NJ 08540, USA",
    "InstitutionName": "Princeton University",
    "InstitutionalDepartmentName": "Princeton Neuroscience Institute",
    "MagneticFieldStrength": 3,
    "Manufacturer": "Siemens",
    "ManufacturersModelName": "Skyra",
    "NumberOfVolumesDiscardedByScanner": 3,
    "ParallelReductionFactorInPlane": 2,
    "ParallelReductionType": "GRAPPA",
    "PartialFourier": 1,
    "PhaseEncodingDirection": "j-",
    "PixelBandwidth": 1445,
    "PulseSequenceDetails": "%SiemensSeq%_ep2d_bold",
    "PulseSequenceType": "Gradient Echo EPI",
    "ReceiveCoilActiveElements": "HE1-4",
    "ReceiveCoilName": "HeadNeck_20",
    "RepetitionTime": 1.5,
    "ScanOptions": "FS",
    "ScanningSequence": "EP",
    "SequenceName": "_epfid2d1_64",
    "SequenceVariant": "SK",
    "SliceTiming": [
      0,
      0.7775,
      0.055,
      0.8325,
      0.11,
      0.8875,
      0.165,
      0.9425,
      0.22,
      0.9975,
      0.2775,
      1.055,
      0.3325,
      1.11,
      0.3875,
      1.165,
      0.4425,
      1.22,
      0.5,
      1.2775,
      0.555,
      1.3325,
      0.61,
      1.3875,
      0.665,
      1.4425,
      0.72
    ],
    "SoftwareVersions": "syngo_MR_D11",
    "StationName": "AWP45031",
    "TaskDescription": "Passively listened to audio story 'prettymouth'",
    "TaskName": "prettymouth",
    "TotalReadoutTime": 0.0245701,
    "dataset": "ds002345",
    "modality": "bold",
    "subject_id": "098",
    "task_id": "prettymouth"
  },
  "dummy_trs": 2,
  "dvars_nstd": 23.123235035889845,
  "dvars_std": 1.2808775707838982,
  "dvars_vstd": 0.9934284998093207,
  "efc": 0.6260894828625051,
  "fber": 1245.4613037109375,
  "fd_mean": 0.08736251859102223,
  "fd_num": 5,
  "fd_perc": 1.0570824524312896,
  "fwhm_avg": 1.7499246015702823,
  "fwhm_x": 1.6925633333333332,
  "fwhm_y": 1.97553,
  "fwhm_z": 1.5816804713775132,
  "gcor": 0.0741012,
  "gsr_x": -0.0040597799234092236,
  "gsr_y": 0.056139253079891205,
  "provenance": {
    "md5sum": "34d2a06a54a951408ceb5c2278d2a35e",
    "settings": {
      "fd_thres": 0.2,
      "testing": false
    },
    "software": "mriqc",
    "version": "21.0.0rc2",
    "webapi_port": null,
    "webapi_url": "https://mriqc.nimh.nih.gov/api/v1"
  },
  "size_t": 473,
  "size_x": 64,
  "size_y": 64,
  "size_z": 27,
  "snr": 6.82666126793982,
  "spacing_tr": 1.5,
  "spacing_x": 3.0,
  "spacing_y": 3.0,
  "spacing_z": 3.9999988079071045,
  "summary_bg_k": 14.455141381050957,
  "summary_bg_mad": 16.43713838904709,
  "summary_bg_mean": 57.08687210083008,
  "summary_bg_median": 20.822410583496094,
  "summary_bg_n": 51145.0,
  "summary_bg_p05": 8.255813598632812,
  "summary_bg_p95": 241.52937927246035,
  "summary_bg_stdv": 89.50814819335938,
  "summary_fg_k": 2.4024079846328306,
  "summary_fg_mad": 106.94168885009381,
  "summary_fg_mean": 802.7442626953125,
  "summary_fg_median": 791.6035766601562,
  "summary_fg_n": 30314.0,
  "summary_fg_p05": 644.525668334961,
  "summary_fg_p95": 995.5251251220703,
  "summary_fg_stdv": 115.95573425292969,
  "tsnr": 73.57727817713749
}