{
  "aor": 0.0014474324324324323,
  "aqi": 0.012461039459459457,
  "bids_meta": {
    "CogAtlasID": "https://www.cognitiveatlas.org/task/id/trm_4c8991fadfe01",
    "DeviceSerialNumber": "45031",
    "DwellTime": 5.4e-06,
    "EchoTime": 0.028,
    "EffectiveEchoSpacing": 0.000390001,
    "FlipAngle": 64,
    "InstitutionAddress": "Washington Rd, Princeton, NJ 08540, USA",
    "InstitutionName": "Princeton University",
    "InstitutionalDepartmentName": "Princeton Neuroscience Institute",
    "MagneticFieldStrength": 3,
    "Manufacturer": "Siemens",
    "ManufacturersModelName": "Skyra",
    "NumberOfVolumesDiscardedByScanner": 3,
    "ParallelReductionFactorInPlane": 2,
    "ParallelReductionType": "GRAPPA",
    "PartialFourier": 1,
    "PhaseEncodingDirection": "j-",
    "PixelBandwidth": 1445,
    "PulseSequenceDetails": "%SiemensSeq%_ep2d_bold",
    "PulseSequenceType": "Gradient Echo EPI",
    "ReceiveCoilActiveElements": "HE1-4",
    "ReceiveCoilName": "HeadNeck_20",
    "RepetitionTime": 1.5,
    "ScanOptions": "FS",
    "ScanningSequence": "EP",
    "SequenceName": "_epfid2d1_64",
    "SequenceVariant": "SK",
    "SliceTiming": [
      0,
      0.7775,
      0.0575,
      0.835,
      0.1125,
      0.89,
      0.1675,
      0.945,
      0.2225,
      1,
      0.28,
      1.0575,
      0.335,
      1.1125,
      0.39,
      1.1675,
      0.445,
      1.2225,
      0.5,
      1.2775,
      0.5575,
      1.335,
      0.6125,
      1.39,
      0.6675,
      1.445,
      0.7225
    ],
    "SoftwareVersions": "syngo_MR_D11",
    "StationName": "AWP45031",
    "TaskDescription": "Passively listened to audio story 'lucy'",
    "TaskName": "lucy",
    "TotalReadoutTime": 0.0245701,
    "dataset": "ds002345",
    "modality": "bold",
    "subject_id": "056",
    "task_id": "lucy"
  },
  "dummy_trs": 0,
  "dvars_nstd": 24.536660150542026,
  "dvars_std": 1.2218236046612467,
  "dvars_vstd": 0.9713838469918705,
  "efc": 0.5880422307900046,
  "fber": 1746.5899658203125,
  "fd_mean": 0.14355752993117502,
  "fd_num": 36,
  "fd_perc": 9.72972972972973,
  "fwhm_avg": 1.7652043898906744,
  "fwhm_x": 1.7012766666666668,
  "fwhm_y": 1.9893033333333332,
  "fwhm_z": 1.6050331696720237,
  "gcor": 0.0275914,
  "gsr_x": -0.016157658770680428,
  "gsr_y": 0.054268211126327515,
  "provenance": {
    "md5sum": "f7ca18cfaf05e0fb6871417075eceff9",
    "settings": {
      "fd_thres": 0.2,
      "testing": false
    },
    "software": "mriqc",
    "version": "21.0.0rc2",
    "webapi_port": null,
    "webapi_url": "https://mriqc.nimh.nih.gov/api/v1"
  },
  "size_t": 370,
  "size_x": 64,
  "size_y": 64,
  "size_z": 27,
  "snr": 6.669703600868386,
  "spacing_tr": 1.5,
  "spacing_x": 3.0,
  "spacing_y": 3.0,
  "spacing_z": 3.9999983310699463,
  "summary_bg_k": 19.539874410942055,
  "summary_bg_mad": 12.489921504656648,
  "summary_bg_mean": 49.24337387084961,
  "summary_bg_median": 16.991891860961914,
  "summary_bg_n": 56081.0,
  "summary_bg_p05": 7.189189434051514,
  "summary_bg_p95": 216.85406494140625,
  "summary_bg_stdv": 88.67919158935547,
  "summary_fg_k": 1.6189901866067462,
  "summary_fg_mad": 104.52743800239972,
  "summary_fg_mean": 757.1605224609375,
  "summary_fg_median": 746.0108032226562,
  "summary_fg_n": 26391.0,
  "summary_fg_p05": 600.729736328125,
  "summary_fg_p95": 948.0202941894531,
  "summary_fg_stdv": 111.84854888916016,
  "tsnr": 59.48255365015939
}