{
  "aor": 0.002184032258064516,
  "aqi": 0.004203060193548387,
  "bids_meta": {
    "CogAtlasID": "https://www.cognitiveatlas.org/task/id/trm_4c8991fadfe01",
    "DeviceSerialNumber": "66018",
    "DwellTime": 4.2e-06,
    "EchoTime": 0.039,
    "EffectiveEchoSpacing": 0.000929976,
    "FlipAngle": 50,
    "InstitutionAddress": "Washington Rd, Princeton, NJ 08540, USA",
    "InstitutionName": "Princeton University",
    "InstitutionalDepartmentName": "Princeton Neuroscience Institute",
    "MagneticFieldStrength": 3,
    "Manufacturer": "Siemens",
    "ManufacturersModelName": "Prisma",
    "NumberOfVolumesDiscardedByScanner": 3,
    "ParallelReductionType": "GRAPPA",
    "PartialFourier": 0.75,
    "PhaseEncodingDirection": "j-",
    "PixelBandwidth": 1240,
    "PulseSequenceDetails": "%CustomerSeq%_ep2d_bold_sms_mgh_v22",
    "PulseSequenceType": "Gradient Echo EPI",
    "ReceiveCoilActiveElements": "HC1-7;NC1,2",
    "ReceiveCoilName": "HeadNeck_64",
    "RepetitionTime": 1.5,
    "ScanOptions": "PFP_FS",
    "ScanningSequence": "EP",
    "SequenceName": "epfSM2d1_96",
    "SequenceVariant": "SK",
    "SliceTiming": [
      0.6925,
      0,
      0.79,
      0.1,
      0.8875,
      0.1975,
      0.9875,
      0.2975,
      1.085,
      0.395,
      1.185,
      0.495,
      1.2825,
      0.5925,
      1.3825,
      0.6925,
      0,
      0.79,
      0.1,
      0.8875,
      0.1975,
      0.9875,
      0.2975,
      1.085,
      0.395,
      1.185,
      0.495,
      1.2825,
      0.5925,
      1.3825,
      0.6925,
      0,
      0.79,
      0.1,
      0.8875,
      0.1975,
      0.9875,
      0.2975,
      1.085,
      0.395,
      1.185,
      0.495,
      1.2825,
      0.5925,
      1.3825,
      0.6925,
      0,
      0.79,
      0.1,
      0.8875,
      0.1975,
      0.9875,
      0.2975,
      1.085,
      0.395,
      1.185,
      0.495,
      1.2825,
      0.5925,
      1.3825
    ],
    "SoftwareVersions": "syngo_MR_D13D",
    "StationName": "AWP66018",
    "TaskDescription": "Passively listened to audio story 'shapessocial'",
    "TaskName": "shapessocial",
    "TotalReadoutTime": 0.0883478,
    "dataset": "ds002345",
    "modality": "bold",
    "subject_id": "222",
    "task_id": "shapessocial"
  },
  "dummy_trs": 0,
  "dvars_nstd": 33.1478872642071,
  "dvars_std": 1.1035293810679612,
  "dvars_vstd": 1.0170998461165044,
  "efc": 0.5735290309513656,
  "fber": 414.3817138671875,
  "fd_mean": 0.13235814585774666,
  "fd_num": 27,
  "fd_perc": 8.709677419354838,
  "fwhm_avg": 2.85207,
  "fwhm_x": 2.663555,
  "fwhm_y": 3.080035,
  "fwhm_z": 2.81262,
  "gcor": 0.0185628,
  "gsr_x": -0.0036140482407063246,
  "gsr_y": 0.04532365873456001,
  "provenance": {
    "md5sum": "2e0c8c24f2b3a66b9e580f221d7a064d",
    "settings": {
      "fd_thres": 0.2,
      "testing": false
    },
    "software": "mriqc",
    "version": "22.0.0rc1",
    "webapi_port": null,
    "webapi_url": "https://mriqc.nimh.nih.gov/api/v1"
  },
  "size_t": 310,
  "size_x": 96,
  "size_y": 96,
  "size_z": 60,
  "snr": 2.388425257231681,
  "spacing_tr": 1.5,
  "spacing_x": 2.0,
  "spacing_y": 2.0,
  "spacing_z": 2.0,
  "summary_bg_k": 34.97057813375154,
  "summary_bg_mad": 6.5425823566584995,
  "summary_bg_mean": 38.68467712402344,
  "summary_bg_median": 24.535484313964844,
  "summary_bg_n": 318391.0,
  "summary_bg_p05": 18.75806427001953,
  "summary_bg_p95": 105.73225402832031,
  "summary_bg_stdv": 42.281742095947266,
  "summary_fg_k": 2.032229257817588,
  "summary_fg_mad": 194.35002107868988,
  "summary_fg_mean": 544.833984375,
  "summary_fg_median": 509.29998779296875,
  "summary_fg_n": 147943.0,
  "summary_fg_p05": 279.04127807617186,
  "summary_fg_p95": 947.9222229003906,
  "summary_fg_stdv": 213.2360076904297,
  "tsnr": 42.66346216900274
}