{
  "aor": 0.004302718446601943,
  "aqi": 0.005334338996763754,
  "bids_meta": {
    "CogAtlasID": "https://www.cognitiveatlas.org/task/id/trm_4c8991fadfe01",
    "DeviceSerialNumber": "66018",
    "DwellTime": 4.2e-06,
    "EchoTime": 0.039,
    "EffectiveEchoSpacing": 0.000929976,
    "FlipAngle": 50,
    "InstitutionAddress": "Washington Rd, Princeton, NJ 08540, USA",
    "InstitutionName": "Princeton University",
    "InstitutionalDepartmentName": "Princeton Neuroscience Institute",
    "MagneticFieldStrength": 3,
    "Manufacturer": "Siemens",
    "ManufacturersModelName": "Prisma",
    "NumberOfVolumesDiscardedByScanner": 3,
    "ParallelReductionType": "GRAPPA",
    "PartialFourier": 0.75,
    "PhaseEncodingDirection": "j-",
    "PixelBandwidth": 1240,
    "PulseSequenceDetails": "%CustomerSeq%_ep2d_bold_sms_mgh_v22",
    "PulseSequenceType": "Gradient Echo EPI",
    "ReceiveCoilActiveElements": "HC1-7;NC1,2",
    "ReceiveCoilName": "HeadNeck_64",
    "RepetitionTime": 1.5,
    "ScanOptions": "PFP_FS",
    "ScanningSequence": "EP",
    "SequenceName": "epfSM2d1_96",
    "SequenceVariant": "SK",
    "SliceTiming": [
      0.6925,
      0,
      0.79,
      0.1,
      0.8875,
      0.1975,
      0.9875,
      0.2975,
      1.085,
      0.395,
      1.185,
      0.495,
      1.2825,
      0.5925,
      1.3825,
      0.6925,
      0,
      0.79,
      0.1,
      0.8875,
      0.1975,
      0.9875,
      0.2975,
      1.085,
      0.395,
      1.185,
      0.495,
      1.2825,
      0.5925,
      1.3825,
      0.6925,
      0,
      0.79,
      0.1,
      0.8875,
      0.1975,
      0.9875,
      0.2975,
      1.085,
      0.395,
      1.185,
      0.495,
      1.2825,
      0.5925,
      1.3825,
      0.6925,
      0,
      0.79,
      0.1,
      0.8875,
      0.1975,
      0.9875,
      0.2975,
      1.085,
      0.395,
      1.185,
      0.495,
      1.2825,
      0.5925,
      1.3825
    ],
    "SoftwareVersions": "syngo_MR_D13D",
    "StationName": "AWP66018",
    "TaskDescription": "Passively listened to audio story 'shapesphysical'",
    "TaskName": "shapesphysical",
    "TotalReadoutTime": 0.0883478,
    "dataset": "ds002345",
    "modality": "bold",
    "subject_id": "222",
    "task_id": "shapesphysical"
  },
  "dummy_trs": 0,
  "dvars_nstd": 32.03775464749997,
  "dvars_std": 1.1020666709090914,
  "dvars_vstd": 1.0277034937987015,
  "efc": 0.5733742956889654,
  "fber": 407.910400390625,
  "fd_mean": 0.11871258301493294,
  "fd_num": 20,
  "fd_perc": 6.472491909385114,
  "fwhm_avg": 2.8948983333333334,
  "fwhm_x": 2.70532,
  "fwhm_y": 3.11677,
  "fwhm_z": 2.862605,
  "gcor": 0.0108652,
  "gsr_x": -0.0017866340931504965,
  "gsr_y": 0.044732466340065,
  "provenance": {
    "md5sum": "213f6411222c5dcdffeda0f2d6b747e4",
    "settings": {
      "fd_thres": 0.2,
      "testing": false
    },
    "software": "mriqc",
    "version": "22.0.0rc1",
    "webapi_port": null,
    "webapi_url": "https://mriqc.nimh.nih.gov/api/v1"
  },
  "size_t": 309,
  "size_x": 96,
  "size_y": 96,
  "size_z": 60,
  "snr": 2.349019737802365,
  "spacing_tr": 1.5,
  "spacing_x": 2.0,
  "spacing_y": 2.0,
  "spacing_z": 2.0,
  "summary_bg_k": 37.3822270173903,
  "summary_bg_mad": 6.760473031517153,
  "summary_bg_mean": 39.292423248291016,
  "summary_bg_median": 24.79288101196289,
  "summary_bg_n": 318138.0,
  "summary_bg_p05": 18.718446731567383,
  "summary_bg_p95": 109.67039184570301,
  "summary_bg_stdv": 42.58085250854492,
  "summary_fg_k": 2.0573000531916747,
  "summary_fg_mad": 196.32005230415228,
  "summary_fg_mean": 544.6434936523438,
  "summary_fg_median": 508.5550231933594,
  "summary_fg_n": 148478.0,
  "summary_fg_p05": 274.4563293457031,
  "summary_fg_p95": 952.6540710449216,
  "summary_fg_stdv": 216.4959716796875,
  "tsnr": 39.72105732187629
}