{
  "bids_meta": {
    "DeviceSerialNumber": "45031",
    "DwellTime": 8.2e-06,
    "EchoTime": 0.00308,
    "FlipAngle": 9,
    "InstitutionAddress": "Washington Rd, Princeton, NJ 08540, USA",
    "InstitutionName": "Princeton University",
    "InstitutionalDepartmentName": "Princeton Neuroscience Institute",
    "InversionTime": 0.9,
    "MagneticFieldStrength": 3,
    "Manufacturer": "Siemens",
    "ManufacturersModelName": "Skyra",
    "ParallelReductionFactorInPlane": 2,
    "ParallelReductionType": "GRAPPA",
    "PartialFourier": 1,
    "PixelBandwidth": 240,
    "PulseSequenceDetails": "%SiemensSeq%_tfl",
    "PulseSequenceType": "MPRAGE",
    "ReceiveCoilActiveElements": "HE1-4",
    "ReceiveCoilName": "HeadNeck_20",
    "RepetitionTime": 2.3,
    "ScanOptions": "IR",
    "ScanningSequence": "GR_IR",
    "SequenceName": "_tfl3d1_16ns",
    "SequenceVariant": "SK_SP_MP",
    "SoftwareVersions": "syngo_MR_D11",
    "StationName": "AWP45031",
    "dataset": "ds002345",
    "modality": "T1w",
    "subject_id": "110"
  },
  "cjv": 0.4791558830410171,
  "cnr": 2.74554390278842,
  "efc": 0.6525971913723618,
  "fber": 1111.8775267538645,
  "fwhm_avg": 3.357745773813447,
  "fwhm_x": 3.3496998668948863,
  "fwhm_y": 3.5515345454545453,
  "fwhm_z": 3.172002909090909,
  "icvs_csf": 0.18548142113208033,
  "icvs_gm": 0.4231710909329639,
  "icvs_wm": 0.3913474879349558,
  "inu_med": 1.4879120588302612,
  "inu_range": 0.5257665276527406,
  "provenance": {
    "md5sum": "e24f2c5f6d455b7236d7320ee239c651",
    "settings": {
      "testing": false
    },
    "software": "mriqc",
    "version": "22.0.0rc1",
    "warnings": {
      "large_rot_frame": true,
      "small_air_mask": false
    },
    "webapi_port": null,
    "webapi_url": "https://mriqc.nimh.nih.gov/api/v1"
  },
  "qi_1": 0.0,
  "qi_2": 0.004129425092977863,
  "rpve_csf": 18.035587905415785,
  "rpve_gm": 8.708800513176644,
  "rpve_wm": 11.21035051372035,
  "size_x": 192,
  "size_y": 256,
  "size_z": 256,
  "snr_csf": 1.3170280034225743,
  "snr_gm": 9.453450643698817,
  "snr_total": 9.32557512687867,
  "snr_wm": 17.20624673351462,
  "snrd_csf": 19.880215716204244,
  "snrd_gm": 39.999408849727345,
  "snrd_total": 38.18077567390463,
  "snrd_wm": 54.66270245578228,
  "spacing_x": 0.9000000357627869,
  "spacing_y": 0.859375,
  "spacing_z": 0.859375,
  "summary_bg_k": 127.04559219868807,
  "summary_bg_mad": 11.986059989720925,
  "summary_bg_mean": 20.426332640436332,
  "summary_bg_median": 18.89127229899168,
  "summary_bg_n": 2554457.0,
  "summary_bg_p05": 2.7223230823874474,
  "summary_bg_p95": 43.47467467933893,
  "summary_bg_stdv": 13.300553904839376,
  "summary_csf_k": 25.78757452357931,
  "summary_csf_mad": 158.3872212927408,
  "summary_csf_mean": 413.5555140962042,
  "summary_csf_median": 363.718862734735,
  "summary_csf_n": 25417.0,
  "summary_csf_p05": 183.05560363084078,
  "summary_csf_p95": 651.2291780903932,
  "summary_csf_stdv": 276.1609523015788,
  "summary_gm_k": 0.3676000705173972,
  "summary_gm_mad": 72.65020034585949,
  "summary_gm_mean": 734.8509482757362,
  "summary_gm_median": 731.809941329062,
  "summary_gm_n": 33269.0,
  "summary_gm_p05": 611.4502632319927,
  "summary_gm_p95": 869.3780010923742,
  "summary_gm_stdv": 77.41077522398737,
  "summary_wm_k": 0.49656270326368235,
  "summary_wm_mad": 55.894177707167984,
  "summary_wm_mean": 999.9220037996429,
  "summary_wm_median": 1000.0825069025159,
  "summary_wm_n": 404881.0,
  "summary_wm_p05": 904.6362097412348,
  "summary_wm_p95": 1094.3738791197538,
  "summary_wm_stdv": 58.12315069974733,
  "tpm_overlap_csf": 0.18567363917827606,
  "tpm_overlap_gm": 0.44596990942955017,
  "tpm_overlap_wm": 0.516869306564331,
  "wm2max": 0.4229830563412475
}