{
  "bids_meta": {
    "DeviceSerialNumber": "45031",
    "DwellTime": 8.2e-06,
    "EchoTime": 0.00308,
    "FlipAngle": 9,
    "InstitutionAddress": "Washington Rd, Princeton, NJ 08540, USA",
    "InstitutionName": "Princeton University",
    "InstitutionalDepartmentName": "Princeton Neuroscience Institute",
    "InversionTime": 0.9,
    "MagneticFieldStrength": 3,
    "Manufacturer": "Siemens",
    "ManufacturersModelName": "Skyra",
    "ParallelReductionFactorInPlane": 2,
    "ParallelReductionType": "GRAPPA",
    "PartialFourier": 1,
    "PixelBandwidth": 240,
    "PulseSequenceDetails": "%SiemensSeq%_tfl",
    "PulseSequenceType": "MPRAGE",
    "ReceiveCoilActiveElements": "HE1-4",
    "ReceiveCoilName": "HeadNeck_20",
    "RepetitionTime": 2.3,
    "ScanOptions": "IR",
    "ScanningSequence": "GR_IR",
    "SequenceName": "_tfl3d1_16ns",
    "SequenceVariant": "SK_SP_MP",
    "SoftwareVersions": "syngo_MR_D11",
    "StationName": "AWP45031",
    "dataset": "ds002345",
    "modality": "T1w",
    "subject_id": "001"
  },
  "cjv": 0.4505706368246148,
  "cnr": 2.9674865367549983,
  "efc": 0.6324937058594243,
  "fber": 633.0435315301015,
  "fwhm_avg": 3.3553121577613267,
  "fwhm_x": 3.341433200556707,
  "fwhm_y": 3.5382225454545453,
  "fwhm_z": 3.1862807272727274,
  "icvs_csf": 0.18411660928569018,
  "icvs_gm": 0.44506958603259555,
  "icvs_wm": 0.37081380468171427,
  "inu_med": 1.477792739868164,
  "inu_range": 0.587877094745636,
  "provenance": {
    "md5sum": "03f09045f3343b776f7403a43e14341e",
    "settings": {
      "testing": false
    },
    "software": "mriqc",
    "version": "21.0.0rc2",
    "warnings": {
      "large_rot_frame": true,
      "small_air_mask": false
    },
    "webapi_port": null,
    "webapi_url": "https://mriqc.nimh.nih.gov/api/v1"
  },
  "qi_1": 0.0,
  "qi_2": 0.003428611100051794,
  "rpve_csf": 23.10627909217587,
  "rpve_gm": 10.67329921552044,
  "rpve_wm": 14.84939278770297,
  "size_x": 192,
  "size_y": 256,
  "size_z": 256,
  "snr_csf": 3.32061194218024,
  "snr_gm": 9.622073649302127,
  "snr_total": 9.205935235422134,
  "snr_wm": 14.675120114784034,
  "snrd_csf": 19.752159892584334,
  "snrd_gm": 33.152991414040876,
  "snrd_total": 33.41321126845474,
  "snrd_wm": 47.33448249873901,
  "spacing_x": 0.9000000357627869,
  "spacing_y": 0.859375,
  "spacing_z": 0.859375,
  "summary_bg_k": 4.021841381219274,
  "summary_bg_mad": 13.840573703030998,
  "summary_bg_mean": 23.76293490533294,
  "summary_bg_median": 21.782425232231617,
  "summary_bg_n": 2749248.0,
  "summary_bg_p05": 3.174010533839464,
  "summary_bg_p95": 53.149117566645145,
  "summary_bg_stdv": 15.858186018673377,
  "summary_csf_k": 1.666244485023575,
  "summary_csf_mad": 129.73231084307722,
  "summary_csf_mean": 401.7480532436075,
  "summary_csf_median": 417.28903194889426,
  "summary_csf_n": 18650.0,
  "summary_csf_p05": 190.40640250500292,
  "summary_csf_p95": 587.4128847876564,
  "summary_csf_stdv": 125.66293553453868,
  "summary_gm_k": 0.2513059328836742,
  "summary_gm_mad": 69.94103244598331,
  "summary_gm_mean": 701.9967910233661,
  "summary_gm_median": 700.3983244672418,
  "summary_gm_n": 33327.0,
  "summary_gm_p05": 583.3520183693618,
  "summary_gm_p95": 823.7490867823362,
  "summary_gm_stdv": 72.78969606180807,
  "summary_wm_k": 0.33759642151539104,
  "summary_wm_mad": 65.0506964042457,
  "summary_wm_mean": 997.0284046613067,
  "summary_wm_median": 1000.0000246614218,
  "summary_wm_n": 275607.0,
  "summary_wm_p05": 879.014211371541,
  "summary_wm_p95": 1103.5598977655172,
  "summary_wm_stdv": 68.14242082249655,
  "tpm_overlap_csf": 0.16058900952339172,
  "tpm_overlap_gm": 0.4491846561431885,
  "tpm_overlap_wm": 0.48470476269721985,
  "wm2max": 0.4818279956819
}