{
  "aor": 0.002007557003257329,
  "aqi": 0.009876198713355048,
  "bids_meta": {
    "CogAtlasID": "https://www.cognitiveatlas.org/task/id/trm_4c8991fadfe01",
    "DeviceSerialNumber": "45031",
    "DwellTime": 4.9e-06,
    "EchoTime": 0.028,
    "EffectiveEchoSpacing": 0.000355001,
    "FlipAngle": 64,
    "InstitutionAddress": "Washington Rd, Princeton, NJ 08540, USA",
    "InstitutionName": "Princeton University",
    "InstitutionalDepartmentName": "Princeton Neuroscience Institute",
    "MagneticFieldStrength": 3,
    "Manufacturer": "Siemens",
    "ManufacturersModelName": "Skyra",
    "NumberOfVolumesDiscardedByScanner": 3,
    "ParallelReductionFactorInPlane": 2,
    "ParallelReductionType": "GRAPPA",
    "PartialFourier": 1,
    "PhaseEncodingDirection": "j-",
    "PixelBandwidth": 1595,
    "PulseSequenceDetails": "%SiemensSeq%_ep2d_bold",
    "PulseSequenceType": "Gradient Echo EPI",
    "ReceiveCoilActiveElements": "HE1-4",
    "ReceiveCoilName": "HeadNeck_20",
    "RepetitionTime": 1.5,
    "ScanOptions": "FS",
    "ScanningSequence": "EP",
    "SequenceName": "_epfid2d1_64",
    "SequenceVariant": "SK",
    "SliceTiming": [
      0,
      0.7675,
      0.055,
      0.8225,
      0.1075,
      0.875,
      0.1625,
      0.93,
      0.2175,
      0.985,
      0.2725,
      1.04,
      0.3275,
      1.095,
      0.3825,
      1.15,
      0.4375,
      1.205,
      0.4925,
      1.26,
      0.5475,
      1.315,
      0.6025,
      1.37,
      0.6575,
      1.425,
      0.7125
    ],
    "SoftwareVersions": "syngo_MR_D13",
    "StationName": "AWP45031",
    "TaskDescription": "Passively listened to audio story 'merlin'",
    "TaskName": "merlin",
    "TotalReadoutTime": 0.022365,
    "dataset": "ds002345",
    "modality": "bold",
    "subject_id": "161",
    "task_id": "merlin"
  },
  "dummy_trs": 0,
  "dvars_nstd": 19.937529229412714,
  "dvars_std": 1.1014127527243065,
  "dvars_vstd": 1.0082895209951062,
  "efc": 0.5803339520751701,
  "fber": 1942.6544189453125,
  "fd_mean": 0.15611787123757567,
  "fd_num": 73,
  "fd_perc": 11.889250814332248,
  "fwhm_avg": 1.6577466666666665,
  "fwhm_x": 1.5954499999999998,
  "fwhm_y": 1.88867,
  "fwhm_z": 1.48912,
  "gcor": 0.0117214,
  "gsr_x": 0.004534574691206217,
  "gsr_y": 0.044489260762929916,
  "provenance": {
    "md5sum": "84381a0b5d9bfe933c5701ac9c5d883b",
    "settings": {
      "fd_thres": 0.2,
      "testing": false
    },
    "software": "mriqc",
    "version": "22.0.0rc1",
    "webapi_port": null,
    "webapi_url": "https://mriqc.nimh.nih.gov/api/v1"
  },
  "size_t": 614,
  "size_x": 64,
  "size_y": 64,
  "size_z": 27,
  "snr": 7.8668268569106745,
  "spacing_tr": 1.5,
  "spacing_x": 3.0,
  "spacing_y": 3.0,
  "spacing_z": 4.0,
  "summary_bg_k": 24.45280794615502,
  "summary_bg_mad": 10.252652394378396,
  "summary_bg_mean": 40.443214416503906,
  "summary_bg_median": 14.965797424316406,
  "summary_bg_n": 56619.0,
  "summary_bg_p05": 6.627035617828369,
  "summary_bg_p95": 162.03126983642576,
  "summary_bg_stdv": 70.8510971069336,
  "summary_fg_k": 2.4989032123758737,
  "summary_fg_mad": 81.5371043757469,
  "summary_fg_mean": 687.1458129882812,
  "summary_fg_median": 681.6058349609375,
  "summary_fg_n": 25668.0,
  "summary_fg_p05": 566.6742553710938,
  "summary_fg_p95": 828.0965637207031,
  "summary_fg_stdv": 86.641357421875,
  "tsnr": 67.17638269765303
}