{
  "bids_meta": {
    "DeviceSerialNumber": "45031",
    "DwellTime": 8.2e-06,
    "EchoTime": 0.00308,
    "FlipAngle": 9,
    "InstitutionAddress": "Washington Rd, Princeton, NJ 08540, USA",
    "InstitutionName": "Princeton University",
    "InstitutionalDepartmentName": "Princeton Neuroscience Institute",
    "InversionTime": 0.9,
    "MagneticFieldStrength": 3,
    "Manufacturer": "Siemens",
    "ManufacturersModelName": "Skyra",
    "ParallelReductionFactorInPlane": 2,
    "ParallelReductionType": "GRAPPA",
    "PartialFourier": 1,
    "PixelBandwidth": 240,
    "PulseSequenceDetails": "%SiemensSeq%_tfl",
    "PulseSequenceType": "MPRAGE",
    "ReceiveCoilActiveElements": "HE1-4",
    "ReceiveCoilName": "HeadNeck_20",
    "RepetitionTime": 2.3,
    "ScanOptions": "IR",
    "ScanningSequence": "GR_IR",
    "SequenceName": "_tfl3d1_16ns",
    "SequenceVariant": "SK_SP_MP",
    "SoftwareVersions": "syngo_MR_D13",
    "StationName": "AWP45031",
    "dataset": "ds002345",
    "modality": "T1w",
    "subject_id": "152"
  },
  "cjv": 0.39765403814708633,
  "cnr": 3.335799195834382,
  "efc": 0.5938183565308246,
  "fber": 1228.923136,
  "fwhm_avg": 3.2291346085358206,
  "fwhm_x": 3.2346443159112273,
  "fwhm_y": 3.416599509696233,
  "fwhm_z": 3.0361599999999997,
  "icvs_csf": 0.17104661251396822,
  "icvs_gm": 0.45552358874888216,
  "icvs_wm": 0.37342979873714965,
  "inu_med": 1.4531002044677734,
  "inu_range": 0.5107851564884185,
  "provenance": {
    "md5sum": "f18ec679ea25c034ee176aeb94ab3086",
    "settings": {
      "testing": false
    },
    "software": "mriqc",
    "version": "22.0.0rc1",
    "warnings": {
      "large_rot_frame": true,
      "small_air_mask": false
    },
    "webapi_port": null,
    "webapi_url": "https://mriqc.nimh.nih.gov/api/v1"
  },
  "qi_1": 0.0,
  "qi_2": 0.004968787479275227,
  "rpve_csf": 20.976961435666325,
  "rpve_gm": 9.092796775643434,
  "rpve_wm": 12.813843264673443,
  "size_x": 192,
  "size_y": 256,
  "size_z": 256,
  "snr_csf": 1.668199656783008,
  "snr_gm": 10.005879236987592,
  "snr_total": 9.36074538142105,
  "snr_wm": 16.40815725049255,
  "snrd_csf": 23.519835826676964,
  "snrd_gm": 37.23487656928015,
  "snrd_total": 38.232586726644804,
  "snrd_wm": 53.94304778397729,
  "spacing_x": 0.9000000357627869,
  "spacing_y": 0.8593749403953552,
  "spacing_z": 0.859375,
  "summary_bg_k": 83.5727842749187,
  "summary_bg_mad": 12.144964278284137,
  "summary_bg_mean": 18.42143347343075,
  "summary_bg_median": 16.61514710634947,
  "summary_bg_n": 4043775.0,
  "summary_bg_p05": 2.782071143388748,
  "summary_bg_p95": 41.19010887295008,
  "summary_bg_stdv": 12.179525544946726,
  "summary_csf_k": 38.16180456545976,
  "summary_csf_mad": 95.44108720576119,
  "summary_csf_mean": 454.96928007898754,
  "summary_csf_median": 436.01237197220325,
  "summary_csf_n": 12527.0,
  "summary_csf_p05": 214.02627865597609,
  "summary_csf_p95": 628.5703349716961,
  "summary_csf_stdv": 261.35658699334505,
  "summary_gm_k": 0.39605032435789234,
  "summary_gm_mad": 64.62037597124767,
  "summary_gm_mean": 689.9414713776132,
  "summary_gm_median": 690.2627625763416,
  "summary_gm_n": 46004.0,
  "summary_gm_p05": 574.2774438109249,
  "summary_gm_p95": 803.168483145535,
  "summary_gm_stdv": 68.98496813555721,
  "summary_wm_k": 0.3555707879140564,
  "summary_wm_mad": 58.5478938321056,
  "summary_wm_mean": 997.34191037139,
  "summary_wm_median": 1000.0000165402889,
  "summary_wm_n": 325416.0,
  "summary_wm_p05": 892.426598995924,
  "summary_wm_p95": 1092.4266023039818,
  "summary_wm_stdv": 60.94520333867713,
  "tpm_overlap_csf": 0.1528535634279251,
  "tpm_overlap_gm": 0.4284038543701172,
  "tpm_overlap_wm": 0.4874228537082672,
  "wm2max": 0.5101920119859638
}