{
  "aor": 0.0005214358974358974,
  "aqi": 0.006708678025641026,
  "bids_meta": {
    "AcquisitionMatrixPE": 96,
    "BandwidthPerPixelPhaseEncode": 20.425,
    "BaseResolution": 96,
    "BodyPartExamined": "BRAIN",
    "ConsistencyInfo": "N4_VE11C_LATEST_20160120",
    "ConversionSoftware": "dcm2niix",
    "ConversionSoftwareVersion": "v1.0.20180328 GCC6.3.0",
    "DerivedVendorReportedEchoSpacing": 0.000509996,
    "DeviceSerialNumber": "66018",
    "DwellTime": 2.1e-06,
    "EchoTime": 0.031,
    "EchoTrainLength": 96,
    "EffectiveEchoSpacing": 0.000509996,
    "FlipAngle": 67,
    "ImageOrientationPatientDICOM": [
      1,
      0,
      0,
      0,
      1,
      0
    ],
    "ImageType": [
      "ORIGINAL",
      "PRIMARY",
      "M",
      "ND",
      "NORM",
      "MOSAIC"
    ],
    "InPlanePhaseEncodingDirectionDICOM": "COL",
    "InstitutionAddress": "Washington Rd, Princeton, NJ 08540, USA",
    "InstitutionName": "Princeton University",
    "InstitutionalDepartmentName": "Princeton Neuroscience Institute",
    "MRAcquisitionType": "2D",
    "MagneticFieldStrength": 3,
    "Manufacturer": "Siemens",
    "ManufacturersModelName": "Prisma",
    "Modality": "MR",
    "MultibandAccelerationFactor": 3,
    "NumberOfVolumesDiscardedByScanner": 3,
    "PartialFourier": 1,
    "PatientPosition": "HFS",
    "PercentPhaseFOV": 100,
    "PhaseEncodingDirection": "j-",
    "PhaseEncodingSteps": 96,
    "PhaseResolution": 1,
    "PixelBandwidth": 2480,
    "ProcedureStepDescription": "Hasson_Nastase_042518_Storyteller",
    "ProtocolName": "func_task-bronx",
    "PulseSequenceDetails": "%SiemensSeq%_ep2d_bold",
    "ReceiveCoilActiveElements": "HC1-7;NC1",
    "ReceiveCoilName": "HeadNeck_64",
    "ReconMatrixPE": 96,
    "RepetitionTime": 1.5,
    "SAR": 0.0484737,
    "ScanOptions": "FS",
    "ScanningSequence": "EP",
    "SequenceName": "_epfid2d1_96",
    "SequenceVariant": "SK",
    "SeriesDescription": "func_task-bronx",
    "SeriesNumber": 8,
    "ShimSetting": [
      757,
      517,
      2018,
      607,
      -19,
      106,
      114,
      -3
    ],
    "SliceThickness": 2.5,
    "SliceTiming": [
      1.11,
      0,
      0.74,
      0.0925,
      0.8325,
      0.185,
      0.925,
      0.2775,
      1.0175,
      0.4625,
      1.2025,
      0.555,
      1.295,
      0.6475,
      1.3875,
      0.37,
      1.11,
      0,
      0.74,
      0.0925,
      0.8325,
      0.185,
      0.925,
      0.2775,
      1.0175,
      0.4625,
      1.2025,
      0.555,
      1.295,
      0.6475,
      1.3875,
      0.37,
      1.11,
      0,
      0.74,
      0.0925,
      0.8325,
      0.185,
      0.925,
      0.2775,
      1.0175,
      0.4625,
      1.2025,
      0.555,
      1.295,
      0.6475,
      1.3875,
      0.37
    ],
    "SoftwareVersions": "syngo_MR_E11",
    "SpacingBetweenSlices": 2.5,
    "StationName": "AWP66018",
    "TaskDescription": "Passively listened to audio story 'bronx'",
    "TaskName": "bronx",
    "TotalReadoutTime": 0.0484496,
    "TxRefAmp": 253.447,
    "dataset": "ds002345",
    "modality": "bold",
    "subject_id": "273",
    "task_id": "bronx"
  },
  "dummy_trs": 0,
  "dvars_nstd": 30.240721606915198,
  "dvars_std": 1.3002165776349606,
  "dvars_vstd": 1.0043170723907464,
  "efc": 0.4958731306481471,
  "fber": 3321.63525390625,
  "fd_mean": 0.12474888993189497,
  "fd_num": 12,
  "fd_perc": 3.076923076923077,
  "fwhm_avg": 1.9536853333333335,
  "fwhm_x": 1.839628,
  "fwhm_y": 2.098548,
  "fwhm_z": 1.92288,
  "gcor": 0.0175517,
  "gsr_x": -0.008211149834096432,
  "gsr_y": 0.031787361949682236,
  "provenance": {
    "md5sum": "15decca54fbd16272c9bc6ac4e92e5b1",
    "settings": {
      "fd_thres": 0.2,
      "testing": false
    },
    "software": "mriqc",
    "version": "22.0.0rc1",
    "webapi_port": null,
    "webapi_url": "https://mriqc.nimh.nih.gov/api/v1"
  },
  "size_t": 390,
  "size_x": 96,
  "size_y": 96,
  "size_z": 48,
  "snr": 5.907954100825599,
  "spacing_tr": 1.5,
  "spacing_x": 2.5,
  "spacing_y": 2.5,
  "spacing_z": 2.5,
  "summary_bg_k": 22.605766770826374,
  "summary_bg_mad": 8.964041366765192,
  "summary_bg_mean": 41.44213104248047,
  "summary_bg_median": 13.161539077758789,
  "summary_bg_n": 303207.0,
  "summary_bg_p05": 5.574358940124512,
  "summary_bg_p95": 192.74102783203125,
  "summary_bg_stdv": 77.96062469482422,
  "summary_fg_k": 2.0674891267419353,
  "summary_fg_mad": 122.39838707042051,
  "summary_fg_mean": 769.930908203125,
  "summary_fg_median": 767.3154296875,
  "summary_fg_n": 75131.0,
  "summary_fg_p05": 584.8115844726562,
  "summary_fg_p95": 976.5462036132812,
  "summary_fg_stdv": 129.87750244140625,
  "tsnr": 63.57313244976103
}