{
  "aor": 0.0003869090909090909,
  "aqi": 0.00704848890909091,
  "bids_meta": {
    "AcquisitionMatrixPE": 96,
    "BandwidthPerPixelPhaseEncode": 20.425,
    "BaseResolution": 96,
    "BodyPartExamined": "BRAIN",
    "ConsistencyInfo": "N4_VE11C_LATEST_20160120",
    "ConversionSoftware": "dcm2niix",
    "ConversionSoftwareVersion": "v1.0.20180328 GCC6.3.0",
    "DerivedVendorReportedEchoSpacing": 0.000509996,
    "DeviceSerialNumber": "66018",
    "DwellTime": 2.1e-06,
    "EchoTime": 0.031,
    "EchoTrainLength": 96,
    "EffectiveEchoSpacing": 0.000509996,
    "FlipAngle": 67,
    "ImageOrientationPatientDICOM": [
      1,
      0,
      0,
      0,
      1,
      0
    ],
    "ImageType": [
      "ORIGINAL",
      "PRIMARY",
      "M",
      "ND",
      "NORM",
      "MOSAIC"
    ],
    "InPlanePhaseEncodingDirectionDICOM": "COL",
    "InstitutionAddress": "Washington Rd, Princeton, NJ 08540, USA",
    "InstitutionName": "Princeton University",
    "InstitutionalDepartmentName": "Princeton Neuroscience Institute",
    "MRAcquisitionType": "2D",
    "MagneticFieldStrength": 3,
    "Manufacturer": "Siemens",
    "ManufacturersModelName": "Prisma",
    "Modality": "MR",
    "MultibandAccelerationFactor": 3,
    "NumberOfVolumesDiscardedByScanner": 3,
    "PartialFourier": 1,
    "PatientPosition": "HFS",
    "PercentPhaseFOV": 100,
    "PhaseEncodingDirection": "j-",
    "PhaseEncodingSteps": 96,
    "PhaseResolution": 1,
    "PixelBandwidth": 2480,
    "ProcedureStepDescription": "Hasson_Nastase_042518_Storyteller",
    "ProtocolName": "func_task-black",
    "PulseSequenceDetails": "%SiemensSeq%_ep2d_bold",
    "ReceiveCoilActiveElements": "HC1-7;NC1",
    "ReceiveCoilName": "HeadNeck_64",
    "ReconMatrixPE": 96,
    "RepetitionTime": 1.5,
    "SAR": 0.0484998,
    "ScanOptions": "FS",
    "ScanningSequence": "EP",
    "SequenceName": "_epfid2d1_96",
    "SequenceVariant": "SK",
    "SeriesDescription": "func_task-black",
    "SeriesNumber": 11,
    "ShimSetting": [
      757,
      517,
      2018,
      607,
      -19,
      106,
      114,
      -3
    ],
    "SliceThickness": 2.5,
    "SliceTiming": [
      1.11,
      0,
      0.74,
      0.0925,
      0.8325,
      0.185,
      0.925,
      0.2775,
      1.0175,
      0.4625,
      1.2025,
      0.555,
      1.295,
      0.6475,
      1.3875,
      0.37,
      1.11,
      0,
      0.74,
      0.0925,
      0.8325,
      0.185,
      0.925,
      0.2775,
      1.0175,
      0.4625,
      1.2025,
      0.555,
      1.295,
      0.6475,
      1.3875,
      0.37,
      1.11,
      0,
      0.74,
      0.0925,
      0.8325,
      0.185,
      0.925,
      0.2775,
      1.0175,
      0.4625,
      1.2025,
      0.555,
      1.295,
      0.6475,
      1.3875,
      0.37
    ],
    "SoftwareVersions": "syngo_MR_E11",
    "SpacingBetweenSlices": 2.5,
    "StationName": "AWP66018",
    "TaskDescription": "Passively listened to audio story 'black'",
    "TaskName": "black",
    "TotalReadoutTime": 0.0484496,
    "TxRefAmp": 253.447,
    "dataset": "ds002345",
    "modality": "bold",
    "subject_id": "273",
    "task_id": "black"
  },
  "dummy_trs": 0,
  "dvars_nstd": 30.166950145701282,
  "dvars_std": 1.2848782255373423,
  "dvars_vstd": 0.9892471278688522,
  "efc": 0.4979102125659324,
  "fber": 3198.003662109375,
  "fd_mean": 0.12415838584947725,
  "fd_num": 16,
  "fd_perc": 2.909090909090909,
  "fwhm_avg": 1.9404719999999998,
  "fwhm_x": 1.828668,
  "fwhm_y": 2.083904,
  "fwhm_z": 1.9088439999999998,
  "gcor": 0.0104034,
  "gsr_x": -0.00887631718069315,
  "gsr_y": 0.031686797738075256,
  "provenance": {
    "md5sum": "e3d374104856a91a5392ab68c74974e0",
    "settings": {
      "fd_thres": 0.2,
      "testing": false
    },
    "software": "mriqc",
    "version": "22.0.0rc1",
    "webapi_port": null,
    "webapi_url": "https://mriqc.nimh.nih.gov/api/v1"
  },
  "size_t": 550,
  "size_x": 96,
  "size_y": 96,
  "size_z": 48,
  "snr": 5.919703045134672,
  "spacing_tr": 1.5,
  "spacing_x": 2.5,
  "spacing_y": 2.5,
  "spacing_z": 2.5,
  "summary_bg_k": 21.58617625674497,
  "summary_bg_mad": 9.196178696090152,
  "summary_bg_mean": 42.26641082763672,
  "summary_bg_median": 13.32272720336914,
  "summary_bg_n": 303362.0,
  "summary_bg_p05": 5.587272644042969,
  "summary_bg_p95": 197.28900222778321,
  "summary_bg_stdv": 78.73970794677734,
  "summary_fg_k": 2.05137003166388,
  "summary_fg_mad": 121.25394918849666,
  "summary_fg_mean": 764.1132202148438,
  "summary_fg_median": 761.57275390625,
  "summary_fg_n": 75094.0,
  "summary_fg_p05": 580.3422760009765,
  "summary_fg_p95": 969.5651184082027,
  "summary_fg_stdv": 128.64964294433594,
  "tsnr": 61.661320090759546
}