{
  "aor": 0.0009255295735900963,
  "aqi": 0.02045938127922971,
  "bids_meta": {
    "CogAtlasID": "https://www.cognitiveatlas.org/task/id/trm_4c8991fadfe01",
    "DeviceSerialNumber": "45031",
    "DwellTime": 4.9e-06,
    "EchoTime": 0.028,
    "EffectiveEchoSpacing": 0.000355001,
    "FlipAngle": 64,
    "InstitutionAddress": "Washington Rd, Princeton, NJ 08540, USA",
    "InstitutionName": "Princeton University",
    "InstitutionalDepartmentName": "Princeton Neuroscience Institute",
    "MagneticFieldStrength": 3,
    "Manufacturer": "Siemens",
    "ManufacturersModelName": "Skyra",
    "NumberOfVolumesDiscardedByScanner": 3,
    "ParallelReductionFactorInPlane": 2,
    "ParallelReductionType": "GRAPPA",
    "PartialFourier": 1,
    "PhaseEncodingDirection": "j-",
    "PixelBandwidth": 1595,
    "PulseSequenceDetails": "%SiemensSeq%_ep2d_bold",
    "PulseSequenceType": "Gradient Echo EPI",
    "ReceiveCoilActiveElements": "HE1-4",
    "ReceiveCoilName": "HeadNeck_20",
    "RepetitionTime": 1.5,
    "ScanOptions": "FS",
    "ScanningSequence": "EP",
    "SequenceName": "_epfid2d1_64",
    "SequenceVariant": "SK",
    "SliceTiming": [
      0,
      0.7675,
      0.055,
      0.8225,
      0.1075,
      0.875,
      0.1625,
      0.93,
      0.2175,
      0.985,
      0.2725,
      1.04,
      0.3275,
      1.095,
      0.3825,
      1.15,
      0.4375,
      1.205,
      0.4925,
      1.26,
      0.5475,
      1.315,
      0.6025,
      1.37,
      0.6575,
      1.425,
      0.7125
    ],
    "SoftwareVersions": "syngo_MR_D13",
    "StationName": "AWP45031",
    "TaskDescription": "Passively listened to audio story 'sherlock'",
    "TaskName": "sherlock",
    "TotalReadoutTime": 0.022365,
    "dataset": "ds002345",
    "modality": "bold",
    "subject_id": "172",
    "task_id": "sherlock"
  },
  "dummy_trs": 0,
  "dvars_nstd": 19.510172770399436,
  "dvars_std": 1.0650770015702475,
  "dvars_vstd": 0.925405019490359,
  "efc": 0.5917177914417517,
  "fber": 2220.644775390625,
  "fd_mean": 0.11020915963370448,
  "fd_num": 58,
  "fd_perc": 7.977991746905089,
  "fwhm_avg": 1.7403908333333333,
  "fwhm_x": 1.6942033333333333,
  "fwhm_y": 1.9600566666666666,
  "fwhm_z": 1.5669125,
  "gcor": 0.00915993,
  "gsr_x": -0.005929735954850912,
  "gsr_y": 0.027097409591078758,
  "provenance": {
    "md5sum": "0202f3f23b0542f756abda5e046cbe62",
    "settings": {
      "fd_thres": 0.2,
      "testing": false
    },
    "software": "mriqc",
    "version": "22.0.0rc1",
    "webapi_port": null,
    "webapi_url": "https://mriqc.nimh.nih.gov/api/v1"
  },
  "size_t": 727,
  "size_x": 64,
  "size_y": 64,
  "size_z": 27,
  "snr": 6.73103074599559,
  "spacing_tr": 1.5,
  "spacing_x": 3.0,
  "spacing_y": 3.0,
  "spacing_z": 4.0,
  "summary_bg_k": 21.205846027213166,
  "summary_bg_mad": 10.611720119172722,
  "summary_bg_mean": 40.088966369628906,
  "summary_bg_median": 15.938789367675781,
  "summary_bg_n": 53612.0,
  "summary_bg_p05": 6.976616382598877,
  "summary_bg_p95": 154.42242355346647,
  "summary_bg_stdv": 68.31468963623047,
  "summary_fg_k": 3.7347891752081104,
  "summary_fg_mad": 95.91234635136166,
  "summary_fg_mean": 792.2579956054688,
  "summary_fg_median": 779.8170776367188,
  "summary_fg_n": 28101.0,
  "summary_fg_p05": 646.5391845703125,
  "summary_fg_p95": 984.2888793945312,
  "summary_fg_stdv": 115.85197448730469,
  "tsnr": 52.375078783370554
}