{
  "aor": 0.0008213029315960913,
  "aqi": 0.008817278371335505,
  "bids_meta": {
    "CogAtlasID": "https://www.cognitiveatlas.org/task/id/trm_4c8991fadfe01",
    "DeviceSerialNumber": "45031",
    "DwellTime": 4.9e-06,
    "EchoTime": 0.028,
    "EffectiveEchoSpacing": 0.000355001,
    "FlipAngle": 64,
    "InstitutionAddress": "Washington Rd, Princeton, NJ 08540, USA",
    "InstitutionName": "Princeton University",
    "InstitutionalDepartmentName": "Princeton Neuroscience Institute",
    "MagneticFieldStrength": 3,
    "Manufacturer": "Siemens",
    "ManufacturersModelName": "Skyra",
    "NumberOfVolumesDiscardedByScanner": 3,
    "ParallelReductionFactorInPlane": 2,
    "ParallelReductionType": "GRAPPA",
    "PartialFourier": 1,
    "PhaseEncodingDirection": "j-",
    "PixelBandwidth": 1595,
    "PulseSequenceDetails": "%SiemensSeq%_ep2d_bold",
    "PulseSequenceType": "Gradient Echo EPI",
    "ReceiveCoilActiveElements": "HE1-4",
    "ReceiveCoilName": "HeadNeck_20",
    "RepetitionTime": 1.5,
    "ScanOptions": "FS",
    "ScanningSequence": "EP",
    "SequenceName": "_epfid2d1_64",
    "SequenceVariant": "SK",
    "SliceTiming": [
      0,
      0.7675,
      0.055,
      0.8225,
      0.1075,
      0.875,
      0.1625,
      0.93,
      0.2175,
      0.985,
      0.2725,
      1.04,
      0.3275,
      1.095,
      0.3825,
      1.15,
      0.4375,
      1.205,
      0.4925,
      1.26,
      0.5475,
      1.315,
      0.6025,
      1.37,
      0.6575,
      1.425,
      0.7125
    ],
    "SoftwareVersions": "syngo_MR_D13",
    "StationName": "AWP45031",
    "TaskDescription": "Passively listened to audio story 'merlin'",
    "TaskName": "merlin",
    "TotalReadoutTime": 0.022365,
    "dataset": "ds002345",
    "modality": "bold",
    "subject_id": "152",
    "task_id": "merlin"
  },
  "dummy_trs": 0,
  "dvars_nstd": 23.1964524844535,
  "dvars_std": 1.2897225240130499,
  "dvars_vstd": 0.9952624216802611,
  "efc": 0.5942178301074316,
  "fber": 2465.779052734375,
  "fd_mean": 0.12529185386140773,
  "fd_num": 33,
  "fd_perc": 5.374592833876221,
  "fwhm_avg": 1.653310277777778,
  "fwhm_x": 1.5810733333333333,
  "fwhm_y": 1.89442,
  "fwhm_z": 1.4844375,
  "gcor": 0.0183715,
  "gsr_x": -0.007579675409942865,
  "gsr_y": 0.04544053226709366,
  "provenance": {
    "md5sum": "87caafada6f8ea8496e01595d4c7e943",
    "settings": {
      "fd_thres": 0.2,
      "testing": false
    },
    "software": "mriqc",
    "version": "22.0.0rc1",
    "webapi_port": null,
    "webapi_url": "https://mriqc.nimh.nih.gov/api/v1"
  },
  "size_t": 614,
  "size_x": 64,
  "size_y": 64,
  "size_z": 27,
  "snr": 7.646729787085714,
  "spacing_tr": 1.5,
  "spacing_x": 3.0,
  "spacing_y": 3.0,
  "spacing_z": 4.0,
  "summary_bg_k": 24.303424854370647,
  "summary_bg_mad": 8.277460008687157,
  "summary_bg_mean": 31.589035034179688,
  "summary_bg_median": 13.092833518981934,
  "summary_bg_n": 52742.0,
  "summary_bg_p05": 6.166123390197754,
  "summary_bg_p95": 113.73167343139642,
  "summary_bg_stdv": 54.62466049194336,
  "summary_fg_k": 3.052728080124335,
  "summary_fg_mad": 80.57966585201044,
  "summary_fg_mean": 688.9213256835938,
  "summary_fg_median": 682.8550415039062,
  "summary_fg_n": 28957.0,
  "summary_fg_p05": 568.1872802734375,
  "summary_fg_p95": 834.9908691406247,
  "summary_fg_stdv": 89.2987289428711,
  "tsnr": 73.21535445423797
}