{
  "aor": 0.0005741,
  "aqi": 0.005505829500000001,
  "bids_meta": {
    "CogAtlasID": "https://www.cognitiveatlas.org/task/id/trm_4c8991fadfe01",
    "DeviceSerialNumber": "45031",
    "DwellTime": 5.4e-06,
    "EchoTime": 0.028,
    "EffectiveEchoSpacing": 0.000390001,
    "FlipAngle": 64,
    "InstitutionAddress": "Washington Rd, Princeton, NJ 08540, USA",
    "InstitutionName": "Princeton University",
    "InstitutionalDepartmentName": "Princeton Neuroscience Institute",
    "MagneticFieldStrength": 3,
    "Manufacturer": "Siemens",
    "ManufacturersModelName": "Skyra",
    "NumberOfVolumesDiscardedByScanner": 3,
    "ParallelReductionFactorInPlane": 2,
    "ParallelReductionType": "GRAPPA",
    "PartialFourier": 1,
    "PhaseEncodingDirection": "j-",
    "PixelBandwidth": 1445,
    "PulseSequenceDetails": "%SiemensSeq%_ep2d_bold",
    "PulseSequenceType": "Gradient Echo EPI",
    "ReceiveCoilActiveElements": "HE1-4",
    "ReceiveCoilName": "HeadNeck_20",
    "RepetitionTime": 1.5,
    "ScanOptions": "FS",
    "ScanningSequence": "EP",
    "SequenceName": "_epfid2d1_64",
    "SequenceVariant": "SK",
    "SliceTiming": [
      0,
      0.7775,
      0.055,
      0.8325,
      0.11,
      0.89,
      0.1675,
      0.945,
      0.2225,
      1,
      0.2775,
      1.055,
      0.3325,
      1.11,
      0.39,
      1.1675,
      0.445,
      1.2225,
      0.5,
      1.2775,
      0.555,
      1.3325,
      0.61,
      1.3875,
      0.6675,
      1.445,
      0.7225
    ],
    "SoftwareVersions": "syngo_MR_D11",
    "StationName": "AWP45031",
    "TaskDescription": "Passively listened to audio story 'pieman'",
    "TaskName": "pieman",
    "TotalReadoutTime": 0.0245701,
    "dataset": "ds002345",
    "modality": "bold",
    "subject_id": "019",
    "task_id": "pieman"
  },
  "dummy_trs": 0,
  "dvars_nstd": 25.714489806220733,
  "dvars_std": 1.392222088896321,
  "dvars_vstd": 0.9893737064882951,
  "efc": 0.640835848632877,
  "fber": 1212.5894775390625,
  "fd_mean": 0.10087623676283168,
  "fd_num": 10,
  "fd_perc": 3.3333333333333335,
  "fwhm_avg": 1.7148861111111113,
  "fwhm_x": 1.6953366666666667,
  "fwhm_y": 1.8518166666666669,
  "fwhm_z": 1.597505,
  "gcor": 0.0362069,
  "gsr_x": 0.0008191243396140635,
  "gsr_y": 0.03212875872850418,
  "provenance": {
    "md5sum": "204b66dc9b0c04a7d7b078cb99e98a99",
    "settings": {
      "fd_thres": 0.2,
      "testing": false
    },
    "software": "mriqc",
    "version": "21.0.0rc2",
    "webapi_port": null,
    "webapi_url": "https://mriqc.nimh.nih.gov/api/v1"
  },
  "size_t": 300,
  "size_x": 64,
  "size_y": 64,
  "size_z": 27,
  "snr": 6.709671145086026,
  "spacing_tr": 1.5,
  "spacing_x": 3.0,
  "spacing_y": 3.0,
  "spacing_z": 4.0,
  "summary_bg_k": 19.396689181729993,
  "summary_bg_mad": 16.259203669782263,
  "summary_bg_mean": 54.57524490356445,
  "summary_bg_median": 20.356666564941406,
  "summary_bg_n": 49491.0,
  "summary_bg_p05": 7.49833345413208,
  "summary_bg_p95": 208.20000457763672,
  "summary_bg_stdv": 81.4362564086914,
  "summary_fg_k": 1.984827307655407,
  "summary_fg_mad": 105.51677455360343,
  "summary_fg_mean": 769.5723266601562,
  "summary_fg_median": 763.20166015625,
  "summary_fg_n": 32236.0,
  "summary_fg_p05": 605.4792022705078,
  "summary_fg_p95": 954.6100463867188,
  "summary_fg_stdv": 113.74474334716797,
  "tsnr": 78.39160518860444
}