{
  "bids_meta": {
    "DeviceSerialNumber": "45031",
    "DwellTime": 8.2e-06,
    "EchoTime": 0.00308,
    "FlipAngle": 9,
    "InstitutionAddress": "Washington Rd, Princeton, NJ 08540, USA",
    "InstitutionName": "Princeton University",
    "InstitutionalDepartmentName": "Princeton Neuroscience Institute",
    "InversionTime": 0.9,
    "MagneticFieldStrength": 3,
    "Manufacturer": "Siemens",
    "ManufacturersModelName": "Skyra",
    "ParallelReductionFactorInPlane": 2,
    "ParallelReductionType": "GRAPPA",
    "PartialFourier": 1,
    "PixelBandwidth": 240,
    "PulseSequenceDetails": "%SiemensSeq%_tfl",
    "PulseSequenceType": "MPRAGE",
    "ReceiveCoilActiveElements": "HE1-4",
    "ReceiveCoilName": "HeadNeck_20",
    "RepetitionTime": 2.3,
    "ScanOptions": "IR",
    "ScanningSequence": "GR_IR",
    "SequenceName": "_tfl3d1_16ns",
    "SequenceVariant": "SK_SP_MP",
    "SoftwareVersions": "syngo_MR_D11",
    "StationName": "AWP45031",
    "dataset": "ds002345",
    "modality": "T1w",
    "subject_id": "048"
  },
  "cjv": 0.44442298105988187,
  "cnr": 2.804742042159685,
  "efc": 0.6195605954744565,
  "fber": 1057.5794143253963,
  "fwhm_avg": 3.3013311562157184,
  "fwhm_x": 3.3628329769947287,
  "fwhm_y": 3.397154673470607,
  "fwhm_z": 3.1440058181818182,
  "icvs_csf": 0.16449790361146685,
  "icvs_gm": 0.44176654088087713,
  "icvs_wm": 0.39373555550765604,
  "inu_med": 1.3493280410766602,
  "inu_range": 0.5182271003723145,
  "provenance": {
    "md5sum": "e15f6172177a11489d1620015f0622f9",
    "settings": {
      "testing": false
    },
    "software": "mriqc",
    "version": "21.0.0rc2",
    "warnings": {
      "large_rot_frame": true,
      "small_air_mask": false
    },
    "webapi_port": null,
    "webapi_url": "https://mriqc.nimh.nih.gov/api/v1"
  },
  "qi_1": 0.00046412517613866167,
  "qi_2": 0.0012823484252347923,
  "rpve_csf": 22.010770994078513,
  "rpve_gm": 9.564723765650674,
  "rpve_wm": 12.626548944835097,
  "size_x": 192,
  "size_y": 256,
  "size_z": 256,
  "snr_csf": 2.303324353817733,
  "snr_gm": 9.613619446128236,
  "snr_total": 10.009339335824492,
  "snr_wm": 18.11107420752751,
  "snrd_csf": 20.163582783854903,
  "snrd_gm": 37.55145534193233,
  "snrd_total": 36.497514880109556,
  "snrd_wm": 51.77750651454145,
  "spacing_x": 0.9000000953674316,
  "spacing_y": 0.8593750596046448,
  "spacing_z": 0.859375,
  "summary_bg_k": 193.45691215578296,
  "summary_bg_mad": 12.652915136071016,
  "summary_bg_mean": 23.04780452403301,
  "summary_bg_median": 16.98566623032093,
  "summary_bg_n": 2907554.0,
  "summary_bg_p05": 2.734277978539467,
  "summary_bg_p95": 50.45985724031925,
  "summary_bg_stdv": 29.267334567694004,
  "summary_csf_k": 34.3373846316681,
  "summary_csf_mad": 162.52239538856264,
  "summary_csf_mean": 401.38225851388734,
  "summary_csf_median": 389.42746967077255,
  "summary_csf_n": 18049.0,
  "summary_csf_p05": 202.17085659503937,
  "summary_csf_p95": 609.2137050002813,
  "summary_csf_stdv": 169.0672357167921,
  "summary_gm_k": 0.5453662583578658,
  "summary_gm_mad": 70.38951818416206,
  "summary_gm_mean": 727.1665860777556,
  "summary_gm_median": 725.2465195804834,
  "summary_gm_n": 42780.0,
  "summary_gm_p05": 606.5125697851181,
  "summary_gm_p95": 855.0832951068878,
  "summary_gm_stdv": 75.4386053169592,
  "summary_wm_k": 0.6466026009176238,
  "summary_wm_mad": 51.71725507073687,
  "summary_wm_mean": 999.6427662212793,
  "summary_wm_median": 1000.0000279694796,
  "summary_wm_n": 360128.0,
  "summary_wm_p05": 908.6088579595089,
  "summary_wm_p95": 1088.9883476346731,
  "summary_wm_stdv": 55.214761317559514,
  "tpm_overlap_csf": 0.17938417196273804,
  "tpm_overlap_gm": 0.44517695903778076,
  "tpm_overlap_wm": 0.49852076172828674,
  "wm2max": 0.453678406590003
}