{
  "aor": 0.002763507751937984,
  "aqi": 0.012977386763565892,
  "bids_meta": {
    "CogAtlasID": "https://www.cognitiveatlas.org/task/id/trm_4c8991fadfe01",
    "DeviceSerialNumber": "66018",
    "DwellTime": 4.2e-06,
    "EchoTime": 0.039,
    "EffectiveEchoSpacing": 0.000929976,
    "FlipAngle": 50,
    "InstitutionAddress": "Washington Rd, Princeton, NJ 08540, USA",
    "InstitutionName": "Princeton University",
    "InstitutionalDepartmentName": "Princeton Neuroscience Institute",
    "MagneticFieldStrength": 3,
    "Manufacturer": "Siemens",
    "ManufacturersModelName": "Prisma",
    "NumberOfVolumesDiscardedByScanner": 3,
    "ParallelReductionType": "GRAPPA",
    "PartialFourier": 0.75,
    "PhaseEncodingDirection": "j-",
    "PixelBandwidth": 1240,
    "PulseSequenceDetails": "%CustomerSeq%_ep2d_bold_sms_mgh_v22",
    "PulseSequenceType": "Gradient Echo EPI",
    "ReceiveCoilActiveElements": "HC1-7;NC1,2",
    "ReceiveCoilName": "HeadNeck_64",
    "RepetitionTime": 1.5,
    "ScanOptions": "PFP_FS",
    "ScanningSequence": "EP",
    "SequenceName": "epfSM2d1_96",
    "SequenceVariant": "SK",
    "SliceTiming": [
      0.6925,
      0,
      0.79,
      0.1,
      0.8875,
      0.1975,
      0.9875,
      0.2975,
      1.085,
      0.395,
      1.185,
      0.495,
      1.2825,
      0.5925,
      1.3825,
      0.6925,
      0,
      0.79,
      0.1,
      0.8875,
      0.1975,
      0.9875,
      0.2975,
      1.085,
      0.395,
      1.185,
      0.495,
      1.2825,
      0.5925,
      1.3825,
      0.6925,
      0,
      0.79,
      0.1,
      0.8875,
      0.1975,
      0.9875,
      0.2975,
      1.085,
      0.395,
      1.185,
      0.495,
      1.2825,
      0.5925,
      1.3825,
      0.6925,
      0,
      0.79,
      0.1,
      0.8875,
      0.1975,
      0.9875,
      0.2975,
      1.085,
      0.395,
      1.185,
      0.495,
      1.2825,
      0.5925,
      1.3825
    ],
    "SoftwareVersions": "syngo_MR_D13D",
    "StationName": "AWP66018",
    "TaskDescription": "Passively listened to audio story 'schema'",
    "TaskName": "schema",
    "TotalReadoutTime": 0.0883478,
    "dataset": "ds002345",
    "modality": "bold",
    "run_id": 3,
    "subject_id": "205",
    "task_id": "schema"
  },
  "dummy_trs": 0,
  "dvars_nstd": 48.504536286116576,
  "dvars_std": 1.0890057266796112,
  "dvars_vstd": 0.9885517216310684,
  "efc": 0.59154645257722,
  "fber": 273.8614501953125,
  "fd_mean": 0.3289963724861924,
  "fd_num": 291,
  "fd_perc": 56.395348837209305,
  "fwhm_avg": 2.7806683333333333,
  "fwhm_x": 2.59722,
  "fwhm_y": 2.993715,
  "fwhm_z": 2.75107,
  "gcor": 0.0150919,
  "gsr_x": 0.010641591623425484,
  "gsr_y": 0.0466875359416008,
  "provenance": {
    "md5sum": "222cd1b575ea8f3f7b65ebaca8816a5a",
    "settings": {
      "fd_thres": 0.2,
      "testing": false
    },
    "software": "mriqc",
    "version": "22.0.6",
    "webapi_port": null,
    "webapi_url": "https://mriqc.nimh.nih.gov/api/v1"
  },
  "size_t": 516,
  "size_x": 96,
  "size_y": 96,
  "size_z": 60,
  "snr": 2.5636032656882084,
  "spacing_tr": 1.5,
  "spacing_x": 2.0,
  "spacing_y": 2.0,
  "spacing_z": 2.0,
  "summary_bg_k": 34.442541200981886,
  "summary_bg_mad": 8.59392244592991,
  "summary_bg_mean": 42.17359161376953,
  "summary_bg_median": 26.246124267578125,
  "summary_bg_n": 324727.0,
  "summary_bg_p05": 19.03294563293457,
  "summary_bg_p95": 117.33663024902346,
  "summary_bg_stdv": 43.50898361206055,
  "summary_fg_k": 3.3221990012460028,
  "summary_fg_mad": 154.4865358304489,
  "summary_fg_mean": 471.4945068359375,
  "summary_fg_median": 442.9844970703125,
  "summary_fg_n": 142799.0,
  "summary_fg_p05": 250.1025131225586,
  "summary_fg_p95": 780.0689758300782,
  "summary_fg_stdv": 172.7969970703125,
  "tsnr": 28.582397094694898
}