{
  "aor": 0.00043244939271255064,
  "aqi": 0.0045577221457489886,
  "bids_meta": {
    "CogAtlasID": "https://www.cognitiveatlas.org/task/id/trm_4c8991fadfe01",
    "DeviceSerialNumber": "66018",
    "DwellTime": 4.2e-06,
    "EchoTime": 0.039,
    "EffectiveEchoSpacing": 0.000929976,
    "FlipAngle": 50,
    "InstitutionAddress": "Washington Rd, Princeton, NJ 08540, USA",
    "InstitutionName": "Princeton University",
    "InstitutionalDepartmentName": "Princeton Neuroscience Institute",
    "MagneticFieldStrength": 3,
    "Manufacturer": "Siemens",
    "ManufacturersModelName": "Prisma",
    "NumberOfVolumesDiscardedByScanner": 3,
    "ParallelReductionType": "GRAPPA",
    "PartialFourier": 0.75,
    "PhaseEncodingDirection": "j-",
    "PixelBandwidth": 1240,
    "PulseSequenceDetails": "%CustomerSeq%_ep2d_bold_sms_mgh_v22",
    "PulseSequenceType": "Gradient Echo EPI",
    "ReceiveCoilActiveElements": "HC1-7;NC1,2",
    "ReceiveCoilName": "HeadNeck_64",
    "RepetitionTime": 1.5,
    "ScanOptions": "PFP_FS",
    "ScanningSequence": "EP",
    "SequenceName": "epfSM2d1_96",
    "SequenceVariant": "SK",
    "SliceTiming": [
      0.6925,
      0,
      0.79,
      0.1,
      0.8875,
      0.1975,
      0.9875,
      0.2975,
      1.085,
      0.395,
      1.185,
      0.495,
      1.2825,
      0.5925,
      1.3825,
      0.6925,
      0,
      0.79,
      0.1,
      0.8875,
      0.1975,
      0.9875,
      0.2975,
      1.085,
      0.395,
      1.185,
      0.495,
      1.2825,
      0.5925,
      1.3825,
      0.6925,
      0,
      0.79,
      0.1,
      0.8875,
      0.1975,
      0.9875,
      0.2975,
      1.085,
      0.395,
      1.185,
      0.495,
      1.2825,
      0.5925,
      1.3825,
      0.6925,
      0,
      0.79,
      0.1,
      0.8875,
      0.1975,
      0.9875,
      0.2975,
      1.085,
      0.395,
      1.185,
      0.495,
      1.2825,
      0.5925,
      1.3825
    ],
    "SoftwareVersions": "syngo_MR_D13D",
    "StationName": "AWP66018",
    "TaskDescription": "Passively listened to audio story 'schema'",
    "TaskName": "schema",
    "TotalReadoutTime": 0.0883478,
    "dataset": "ds002345",
    "modality": "bold",
    "run_id": 2,
    "subject_id": "202",
    "task_id": "schema"
  },
  "dummy_trs": 1,
  "dvars_nstd": 35.08569336324541,
  "dvars_std": 1.1317167621298168,
  "dvars_vstd": 0.9835113517038534,
  "efc": 0.6269939871163462,
  "fber": 257.9784240722656,
  "fd_mean": 0.07188057132744279,
  "fd_num": 2,
  "fd_perc": 0.4048582995951417,
  "fwhm_avg": 3.075013333333333,
  "fwhm_x": 2.884715,
  "fwhm_y": 3.22837,
  "fwhm_z": 3.111955,
  "gcor": 0.00669585,
  "gsr_x": -0.01487664133310318,
  "gsr_y": 0.06491927057504654,
  "provenance": {
    "md5sum": "b3049767d6d712e5866f5994c7a93123",
    "settings": {
      "fd_thres": 0.2,
      "testing": false
    },
    "software": "mriqc",
    "version": "22.0.0rc1",
    "webapi_port": null,
    "webapi_url": "https://mriqc.nimh.nih.gov/api/v1"
  },
  "size_t": 494,
  "size_x": 96,
  "size_y": 96,
  "size_z": 60,
  "snr": 1.913619644507892,
  "spacing_tr": 1.5,
  "spacing_x": 2.0,
  "spacing_y": 2.0,
  "spacing_z": 2.0,
  "summary_bg_k": 30.26731664705985,
  "summary_bg_mad": 12.250977566101755,
  "summary_bg_mean": 57.989864349365234,
  "summary_bg_median": 31.230770111083984,
  "summary_bg_n": 271271.0,
  "summary_bg_p05": 21.32388687133789,
  "summary_bg_p95": 187.63967895507812,
  "summary_bg_stdv": 70.678466796875,
  "summary_fg_k": 4.934431491560237,
  "summary_fg_mad": 219.2435584321255,
  "summary_fg_mean": 583.4555053710938,
  "summary_fg_median": 528.083984375,
  "summary_fg_n": 187686.0,
  "summary_fg_p05": 267.04000091552734,
  "summary_fg_p95": 1095.6083068847656,
  "summary_fg_stdv": 275.9600524902344,
  "tsnr": 43.771229177713394
}