{
  "aor": 0.0006285311871227363,
  "aqi": 0.0052484299396378265,
  "bids_meta": {
    "CogAtlasID": "https://www.cognitiveatlas.org/task/id/trm_4c8991fadfe01",
    "DeviceSerialNumber": "66018",
    "DwellTime": 4.2e-06,
    "EchoTime": 0.039,
    "EffectiveEchoSpacing": 0.000929976,
    "FlipAngle": 50,
    "InstitutionAddress": "Washington Rd, Princeton, NJ 08540, USA",
    "InstitutionName": "Princeton University",
    "InstitutionalDepartmentName": "Princeton Neuroscience Institute",
    "MagneticFieldStrength": 3,
    "Manufacturer": "Siemens",
    "ManufacturersModelName": "Prisma",
    "NumberOfVolumesDiscardedByScanner": 3,
    "ParallelReductionType": "GRAPPA",
    "PartialFourier": 0.75,
    "PhaseEncodingDirection": "j-",
    "PixelBandwidth": 1240,
    "PulseSequenceDetails": "%CustomerSeq%_ep2d_bold_sms_mgh_v22",
    "PulseSequenceType": "Gradient Echo EPI",
    "ReceiveCoilActiveElements": "HC1-7;NC1,2",
    "ReceiveCoilName": "HeadNeck_64",
    "RepetitionTime": 1.5,
    "ScanOptions": "PFP_FS",
    "ScanningSequence": "EP",
    "SequenceName": "epfSM2d1_96",
    "SequenceVariant": "SK",
    "SliceTiming": [
      0.6925,
      0,
      0.79,
      0.1,
      0.8875,
      0.1975,
      0.9875,
      0.2975,
      1.085,
      0.395,
      1.185,
      0.495,
      1.2825,
      0.5925,
      1.3825,
      0.6925,
      0,
      0.79,
      0.1,
      0.8875,
      0.1975,
      0.9875,
      0.2975,
      1.085,
      0.395,
      1.185,
      0.495,
      1.2825,
      0.5925,
      1.3825,
      0.6925,
      0,
      0.79,
      0.1,
      0.8875,
      0.1975,
      0.9875,
      0.2975,
      1.085,
      0.395,
      1.185,
      0.495,
      1.2825,
      0.5925,
      1.3825,
      0.6925,
      0,
      0.79,
      0.1,
      0.8875,
      0.1975,
      0.9875,
      0.2975,
      1.085,
      0.395,
      1.185,
      0.495,
      1.2825,
      0.5925,
      1.3825
    ],
    "SoftwareVersions": "syngo_MR_D13D",
    "StationName": "AWP66018",
    "TaskDescription": "Passively listened to audio story 'schema'",
    "TaskName": "schema",
    "TotalReadoutTime": 0.0883478,
    "dataset": "ds002345",
    "modality": "bold",
    "run_id": 4,
    "subject_id": "202",
    "task_id": "schema"
  },
  "dummy_trs": 2,
  "dvars_nstd": 35.243716324616955,
  "dvars_std": 1.12449687983871,
  "dvars_vstd": 0.9881838609274203,
  "efc": 0.6287120153170079,
  "fber": 243.7900390625,
  "fd_mean": 0.08046282055768879,
  "fd_num": 21,
  "fd_perc": 4.225352112676056,
  "fwhm_avg": 3.0924216666666666,
  "fwhm_x": 2.89306,
  "fwhm_y": 3.250495,
  "fwhm_z": 3.13371,
  "gcor": 0.0121516,
  "gsr_x": -0.014468125067651272,
  "gsr_y": 0.06606154888868332,
  "provenance": {
    "md5sum": "a169ee336a6c81f1eab7f8b3f7af844e",
    "settings": {
      "fd_thres": 0.2,
      "testing": false
    },
    "software": "mriqc",
    "version": "22.0.0rc1",
    "webapi_port": null,
    "webapi_url": "https://mriqc.nimh.nih.gov/api/v1"
  },
  "size_t": 497,
  "size_x": 96,
  "size_y": 96,
  "size_z": 60,
  "snr": 1.8967438861286041,
  "spacing_tr": 1.5,
  "spacing_x": 2.0,
  "spacing_y": 2.0,
  "spacing_z": 2.0,
  "summary_bg_k": 27.003120991168466,
  "summary_bg_mad": 13.331483656804034,
  "summary_bg_mean": 60.35121536254883,
  "summary_bg_median": 32.052310943603516,
  "summary_bg_n": 271155.0,
  "summary_bg_p05": 21.231388092041016,
  "summary_bg_p95": 197.95190277099593,
  "summary_bg_stdv": 73.50696563720703,
  "summary_fg_k": 5.136249900653018,
  "summary_fg_mad": 220.06650491806573,
  "summary_fg_mean": 584.9159545898438,
  "summary_fg_median": 527.5643310546875,
  "summary_fg_n": 186830.0,
  "summary_fg_p05": 267.8097442626953,
  "summary_fg_p95": 1104.264758300781,
  "summary_fg_stdv": 278.141357421875,
  "tsnr": 41.48420294863172
}