{
  "aor": 0.0006222908366533864,
  "aqi": 0.004597845697211155,
  "bids_meta": {
    "CogAtlasID": "https://www.cognitiveatlas.org/task/id/trm_4c8991fadfe01",
    "DeviceSerialNumber": "66018",
    "DwellTime": 4.2e-06,
    "EchoTime": 0.039,
    "EffectiveEchoSpacing": 0.000929976,
    "FlipAngle": 50,
    "InstitutionAddress": "Washington Rd, Princeton, NJ 08540, USA",
    "InstitutionName": "Princeton University",
    "InstitutionalDepartmentName": "Princeton Neuroscience Institute",
    "MagneticFieldStrength": 3,
    "Manufacturer": "Siemens",
    "ManufacturersModelName": "Prisma",
    "NumberOfVolumesDiscardedByScanner": 3,
    "ParallelReductionType": "GRAPPA",
    "PartialFourier": 0.75,
    "PhaseEncodingDirection": "j-",
    "PixelBandwidth": 1240,
    "PulseSequenceDetails": "%CustomerSeq%_ep2d_bold_sms_mgh_v22",
    "PulseSequenceType": "Gradient Echo EPI",
    "ReceiveCoilActiveElements": "HC1-7;NC1,2",
    "ReceiveCoilName": "HeadNeck_64",
    "RepetitionTime": 1.5,
    "ScanOptions": "PFP_FS",
    "ScanningSequence": "EP",
    "SequenceName": "epfSM2d1_96",
    "SequenceVariant": "SK",
    "SliceTiming": [
      0.6925,
      0,
      0.79,
      0.1,
      0.8875,
      0.1975,
      0.9875,
      0.2975,
      1.085,
      0.395,
      1.185,
      0.495,
      1.2825,
      0.5925,
      1.3825,
      0.6925,
      0,
      0.79,
      0.1,
      0.8875,
      0.1975,
      0.9875,
      0.2975,
      1.085,
      0.395,
      1.185,
      0.495,
      1.2825,
      0.5925,
      1.3825,
      0.6925,
      0,
      0.79,
      0.1,
      0.8875,
      0.1975,
      0.9875,
      0.2975,
      1.085,
      0.395,
      1.185,
      0.495,
      1.2825,
      0.5925,
      1.3825,
      0.6925,
      0,
      0.79,
      0.1,
      0.8875,
      0.1975,
      0.9875,
      0.2975,
      1.085,
      0.395,
      1.185,
      0.495,
      1.2825,
      0.5925,
      1.3825
    ],
    "SoftwareVersions": "syngo_MR_D13D",
    "StationName": "AWP66018",
    "TaskDescription": "Passively listened to audio story 'schema'",
    "TaskName": "schema",
    "TotalReadoutTime": 0.0883478,
    "dataset": "ds002345",
    "modality": "bold",
    "run_id": 3,
    "subject_id": "202",
    "task_id": "schema"
  },
  "dummy_trs": 1,
  "dvars_nstd": 34.897934214950084,
  "dvars_std": 1.1383632840319367,
  "dvars_vstd": 0.9918449011177649,
  "efc": 0.6281033038771804,
  "fber": 250.35174560546875,
  "fd_mean": 0.07137621659193677,
  "fd_num": 7,
  "fd_perc": 1.3944223107569722,
  "fwhm_avg": 3.074525,
  "fwhm_x": 2.877405,
  "fwhm_y": 3.238075,
  "fwhm_z": 3.108095,
  "gcor": 0.00807613,
  "gsr_x": -0.014448979869484901,
  "gsr_y": 0.0652424618601799,
  "provenance": {
    "md5sum": "5816a3fa88bdb0ca16521d5502b3d1c2",
    "settings": {
      "fd_thres": 0.2,
      "testing": false
    },
    "software": "mriqc",
    "version": "22.0.0rc1",
    "webapi_port": null,
    "webapi_url": "https://mriqc.nimh.nih.gov/api/v1"
  },
  "size_t": 502,
  "size_x": 96,
  "size_y": 96,
  "size_z": 60,
  "snr": 1.9105069628734692,
  "spacing_tr": 1.5,
  "spacing_x": 2.0,
  "spacing_y": 2.0,
  "spacing_z": 2.0,
  "summary_bg_k": 29.471092609798596,
  "summary_bg_mad": 11.840143414816716,
  "summary_bg_mean": 58.82994079589844,
  "summary_bg_median": 31.48008155822754,
  "summary_bg_n": 270679.0,
  "summary_bg_p05": 22.256973266601562,
  "summary_bg_p95": 191.1643417358396,
  "summary_bg_stdv": 71.32550811767578,
  "summary_fg_k": 5.078159106718308,
  "summary_fg_mad": 218.66758412055395,
  "summary_fg_mean": 582.6129760742188,
  "summary_fg_median": 526.1324462890625,
  "summary_fg_n": 187364.0,
  "summary_fg_p05": 267.60787200927734,
  "summary_fg_p95": 1095.287908935547,
  "summary_fg_stdv": 275.38818359375,
  "tsnr": 44.09919143887237
}