{
  "aor": 0.00042656370656370655,
  "aqi": 0.00624877498069498,
  "bids_meta": {
    "CogAtlasID": "https://www.cognitiveatlas.org/task/id/trm_4c8991fadfe01",
    "DeviceSerialNumber": "66018",
    "DwellTime": 4.2e-06,
    "EchoTime": 0.039,
    "EffectiveEchoSpacing": 0.000929976,
    "FlipAngle": 50,
    "InstitutionAddress": "Washington Rd, Princeton, NJ 08540, USA",
    "InstitutionName": "Princeton University",
    "InstitutionalDepartmentName": "Princeton Neuroscience Institute",
    "MagneticFieldStrength": 3,
    "Manufacturer": "Siemens",
    "ManufacturersModelName": "Prisma",
    "NumberOfVolumesDiscardedByScanner": 3,
    "ParallelReductionType": "GRAPPA",
    "PartialFourier": 0.75,
    "PhaseEncodingDirection": "j-",
    "PixelBandwidth": 1240,
    "PulseSequenceDetails": "%CustomerSeq%_ep2d_bold_sms_mgh_v22",
    "PulseSequenceType": "Gradient Echo EPI",
    "ReceiveCoilActiveElements": "HC1-7;NC1,2",
    "ReceiveCoilName": "HeadNeck_64",
    "RepetitionTime": 1.5,
    "ScanOptions": "PFP_FS",
    "ScanningSequence": "EP",
    "SequenceName": "epfSM2d1_96",
    "SequenceVariant": "SK",
    "SliceTiming": [
      0.6925,
      0,
      0.79,
      0.1,
      0.8875,
      0.1975,
      0.9875,
      0.2975,
      1.085,
      0.395,
      1.185,
      0.495,
      1.2825,
      0.5925,
      1.3825,
      0.6925,
      0,
      0.79,
      0.1,
      0.8875,
      0.1975,
      0.9875,
      0.2975,
      1.085,
      0.395,
      1.185,
      0.495,
      1.2825,
      0.5925,
      1.3825,
      0.6925,
      0,
      0.79,
      0.1,
      0.8875,
      0.1975,
      0.9875,
      0.2975,
      1.085,
      0.395,
      1.185,
      0.495,
      1.2825,
      0.5925,
      1.3825,
      0.6925,
      0,
      0.79,
      0.1,
      0.8875,
      0.1975,
      0.9875,
      0.2975,
      1.085,
      0.395,
      1.185,
      0.495,
      1.2825,
      0.5925,
      1.3825
    ],
    "SoftwareVersions": "syngo_MR_D13D",
    "StationName": "AWP66018",
    "TaskDescription": "Passively listened to audio story 'schema'",
    "TaskName": "schema",
    "TotalReadoutTime": 0.0883478,
    "dataset": "ds002345",
    "modality": "bold",
    "run_id": 1,
    "subject_id": "202",
    "task_id": "schema"
  },
  "dummy_trs": 1,
  "dvars_nstd": 35.440631357601475,
  "dvars_std": 1.1036732060541576,
  "dvars_vstd": 0.9605448783558991,
  "efc": 0.6255639273966406,
  "fber": 267.7048034667969,
  "fd_mean": 0.07930749936733085,
  "fd_num": 5,
  "fd_perc": 0.9652509652509652,
  "fwhm_avg": 3.089133333333333,
  "fwhm_x": 2.892645,
  "fwhm_y": 3.251185,
  "fwhm_z": 3.12357,
  "gcor": 0.0115277,
  "gsr_x": -0.014771471731364727,
  "gsr_y": 0.06626005470752716,
  "provenance": {
    "md5sum": "b8866ee1c11ca6ceab22a648e882e2e4",
    "settings": {
      "fd_thres": 0.2,
      "testing": false
    },
    "software": "mriqc",
    "version": "22.0.0rc1",
    "webapi_port": null,
    "webapi_url": "https://mriqc.nimh.nih.gov/api/v1"
  },
  "size_t": 518,
  "size_x": 96,
  "size_y": 96,
  "size_z": 60,
  "snr": 1.919704073347064,
  "spacing_tr": 1.5,
  "spacing_x": 2.0,
  "spacing_y": 2.0,
  "spacing_z": 2.0,
  "summary_bg_k": 33.34014112489664,
  "summary_bg_mad": 11.697674042314329,
  "summary_bg_mean": 56.469703674316406,
  "summary_bg_median": 30.870655059814453,
  "summary_bg_n": 271027.0,
  "summary_bg_p05": 21.523164749145508,
  "summary_bg_p95": 179.40848388671847,
  "summary_bg_stdv": 68.1463623046875,
  "summary_fg_k": 5.0619024187068185,
  "summary_fg_mad": 219.56828487628488,
  "summary_fg_mean": 587.07568359375,
  "summary_fg_median": 531.6525268554688,
  "summary_fg_n": 187777.0,
  "summary_fg_p05": 269.6864807128906,
  "summary_fg_p95": 1102.62392578125,
  "summary_fg_stdv": 276.9443054199219,
  "tsnr": 39.616801276104525
}