{
  "aor": 0.005300167224080267,
  "aqi": 0.020144496454849496,
  "bids_meta": {
    "CogAtlasID": "https://www.cognitiveatlas.org/task/id/trm_4c8991fadfe01",
    "DeviceSerialNumber": "45031",
    "DwellTime": 5.4e-06,
    "EchoTime": 0.028,
    "EffectiveEchoSpacing": 0.000390001,
    "FlipAngle": 64,
    "InstitutionAddress": "Washington Rd, Princeton, NJ 08540, USA",
    "InstitutionName": "Princeton University",
    "InstitutionalDepartmentName": "Princeton Neuroscience Institute",
    "MagneticFieldStrength": 3,
    "Manufacturer": "Siemens",
    "ManufacturersModelName": "Skyra",
    "NumberOfVolumesDiscardedByScanner": 3,
    "ParallelReductionFactorInPlane": 2,
    "ParallelReductionType": "GRAPPA",
    "PartialFourier": 1,
    "PhaseEncodingDirection": "j-",
    "PixelBandwidth": 1445,
    "PulseSequenceDetails": "%SiemensSeq%_ep2d_bold",
    "PulseSequenceType": "Gradient Echo EPI",
    "ReceiveCoilActiveElements": "HE1-4",
    "ReceiveCoilName": "HeadNeck_20",
    "RepetitionTime": 1.5,
    "ScanOptions": "FS",
    "ScanningSequence": "EP",
    "SequenceName": "_epfid2d1_64",
    "SequenceVariant": "SK",
    "SliceTiming": [
      0,
      0.7775,
      0.055,
      0.8325,
      0.11,
      0.89,
      0.1675,
      0.945,
      0.2225,
      1,
      0.2775,
      1.055,
      0.3325,
      1.11,
      0.39,
      1.1675,
      0.445,
      1.2225,
      0.5,
      1.2775,
      0.555,
      1.3325,
      0.61,
      1.3875,
      0.6675,
      1.445,
      0.7225
    ],
    "SoftwareVersions": "syngo_MR_D11",
    "StationName": "AWP45031",
    "TaskDescription": "Passively listened to audio story 'pieman'",
    "TaskName": "pieman",
    "TotalReadoutTime": 0.0245701,
    "dataset": "ds002345",
    "modality": "bold",
    "subject_id": "080",
    "task_id": "pieman"
  },
  "dummy_trs": 1,
  "dvars_nstd": 25.903422790704695,
  "dvars_std": 1.1190363770469796,
  "dvars_vstd": 0.9992925257382551,
  "efc": 0.6213970666145071,
  "fber": 1427.75341796875,
  "fd_mean": 0.24814422678911713,
  "fd_num": 103,
  "fd_perc": 34.448160535117054,
  "fwhm_avg": 1.8289755555555554,
  "fwhm_x": 1.79138,
  "fwhm_y": 2.0576666666666665,
  "fwhm_z": 1.63788,
  "gcor": 0.0170771,
  "gsr_x": -0.018854811787605286,
  "gsr_y": 0.03317578136920929,
  "provenance": {
    "md5sum": "bd6dd6524233e4bc96afed05d2de91f0",
    "settings": {
      "fd_thres": 0.2,
      "testing": false
    },
    "software": "mriqc",
    "version": "21.0.0rc2",
    "webapi_port": null,
    "webapi_url": "https://mriqc.nimh.nih.gov/api/v1"
  },
  "size_t": 299,
  "size_x": 64,
  "size_y": 64,
  "size_z": 27,
  "snr": 6.998003305498962,
  "spacing_tr": 1.5,
  "spacing_x": 3.0,
  "spacing_y": 3.0,
  "spacing_z": 4.0,
  "summary_bg_k": 10.900230720650397,
  "summary_bg_mad": 12.230229709051477,
  "summary_bg_mean": 52.42205047607422,
  "summary_bg_median": 18.275920867919922,
  "summary_bg_n": 52474.0,
  "summary_bg_p05": 8.0,
  "summary_bg_p95": 240.67826156616206,
  "summary_bg_stdv": 85.46478271484375,
  "summary_fg_k": 2.563948378845602,
  "summary_fg_mad": 92.4147389509363,
  "summary_fg_mean": 738.9449462890625,
  "summary_fg_median": 729.208984375,
  "summary_fg_n": 29492.0,
  "summary_fg_p05": 597.5647094726562,
  "summary_fg_p95": 915.7789337158202,
  "summary_fg_stdv": 104.20066833496094,
  "tsnr": 45.33881339163054
}