{
  "bids_meta": {
    "DeviceSerialNumber": "45031",
    "DwellTime": 8.2e-06,
    "EchoTime": 0.00308,
    "FlipAngle": 9,
    "InstitutionAddress": "Washington Rd, Princeton, NJ 08540, USA",
    "InstitutionName": "Princeton University",
    "InstitutionalDepartmentName": "Princeton Neuroscience Institute",
    "InversionTime": 0.9,
    "MagneticFieldStrength": 3,
    "Manufacturer": "Siemens",
    "ManufacturersModelName": "Skyra",
    "ParallelReductionFactorInPlane": 2,
    "ParallelReductionType": "GRAPPA",
    "PartialFourier": 1,
    "PixelBandwidth": 240,
    "PulseSequenceDetails": "%SiemensSeq%_tfl",
    "PulseSequenceType": "MPRAGE",
    "ReceiveCoilActiveElements": "HE1-4",
    "ReceiveCoilName": "HeadNeck_20",
    "RepetitionTime": 2.3,
    "ScanOptions": "IR",
    "ScanningSequence": "GR_IR",
    "SequenceName": "_tfl3d1_16ns",
    "SequenceVariant": "SK_SP_MP",
    "SoftwareVersions": "syngo_MR_E11",
    "StationName": "AWP45031",
    "dataset": "ds002345",
    "modality": "T1w",
    "subject_id": "257"
  },
  "cjv": 0.5567953372720028,
  "cnr": 2.3910186570322254,
  "efc": 0.6928240784822349,
  "fber": 532.6765787686736,
  "fwhm_avg": 3.3597345551040756,
  "fwhm_x": 3.3386887562213174,
  "fwhm_y": 3.579170909090909,
  "fwhm_z": 3.161344,
  "icvs_csf": 0.17544345719628388,
  "icvs_gm": 0.4300346382650109,
  "icvs_wm": 0.3945219045387052,
  "inu_med": 1.220274567604065,
  "inu_range": 0.5232537984848022,
  "provenance": {
    "md5sum": "bd11f7e631fd7564e1cf4c85afbd888c",
    "settings": {
      "testing": false
    },
    "software": "mriqc",
    "version": "22.0.0rc1",
    "warnings": {
      "large_rot_frame": true,
      "small_air_mask": false
    },
    "webapi_port": null,
    "webapi_url": "https://mriqc.nimh.nih.gov/api/v1"
  },
  "qi_1": 0.0,
  "qi_2": 0.0033542151508221293,
  "rpve_csf": 18.594060619650932,
  "rpve_gm": 8.573074657378768,
  "rpve_wm": 11.214037984690156,
  "size_x": 192,
  "size_y": 256,
  "size_z": 256,
  "snr_csf": 1.995114012309805,
  "snr_gm": 8.163794847627855,
  "snr_total": 8.280265535618218,
  "snr_wm": 14.681887746916997,
  "snrd_csf": 14.523213761437844,
  "snrd_gm": 31.252159024676217,
  "snrd_total": 29.56195742312957,
  "snrd_wm": 42.91049948327465,
  "spacing_x": 0.9000000357627869,
  "spacing_y": 0.859375,
  "spacing_z": 0.859375,
  "summary_bg_k": 1.820747425008653,
  "summary_bg_mad": 15.26750755178055,
  "summary_bg_mean": 28.24975502279728,
  "summary_bg_median": 26.259332254529,
  "summary_bg_n": 2235255.0,
  "summary_bg_p05": 6.521925657987595,
  "summary_bg_p95": 62.21573818475008,
  "summary_bg_stdv": 17.71615138040752,
  "summary_csf_k": 22.222760030107988,
  "summary_csf_mad": 164.88908155922994,
  "summary_csf_mean": 368.0445778279188,
  "summary_csf_median": 338.45361572504044,
  "summary_csf_n": 11353.0,
  "summary_csf_p05": 168.54028937220573,
  "summary_csf_p95": 611.7737896814942,
  "summary_csf_stdv": 169.6337689964611,
  "summary_gm_k": 0.2943058190711354,
  "summary_gm_mad": 85.62527151956925,
  "summary_gm_mean": 732.7207856211518,
  "summary_gm_median": 728.3103034123778,
  "summary_gm_n": 42317.0,
  "summary_gm_p05": 593.4952348768711,
  "summary_gm_p95": 888.1832968443632,
  "summary_gm_stdv": 89.21117097433734,
  "summary_wm_k": 0.37457235456965154,
  "summary_wm_mad": 65.65028247265637,
  "summary_wm_mean": 1000.4078547137657,
  "summary_wm_median": 999.9999959543347,
  "summary_wm_n": 403237.0,
  "summary_wm_p05": 889.1272597685456,
  "summary_wm_p95": 1112.4173987433314,
  "summary_wm_stdv": 68.11104765448019,
  "tpm_overlap_csf": 0.16982005536556244,
  "tpm_overlap_gm": 0.43338656425476074,
  "tpm_overlap_wm": 0.5028507113456726,
  "wm2max": 0.43483704870612144
}