{
  "aor": 0.00030036666666666663,
  "aqi": 0.008993099366666667,
  "bids_meta": {
    "CogAtlasID": "https://www.cognitiveatlas.org/task/id/trm_4c8991fadfe01",
    "DeviceSerialNumber": "45031",
    "DwellTime": 5.4e-06,
    "EchoTime": 0.028,
    "EffectiveEchoSpacing": 0.000390001,
    "FlipAngle": 64,
    "InstitutionAddress": "Washington Rd, Princeton, NJ 08540, USA",
    "InstitutionName": "Princeton University",
    "InstitutionalDepartmentName": "Princeton Neuroscience Institute",
    "MagneticFieldStrength": 3,
    "Manufacturer": "Siemens",
    "ManufacturersModelName": "Skyra",
    "NumberOfVolumesDiscardedByScanner": 3,
    "ParallelReductionFactorInPlane": 2,
    "ParallelReductionType": "GRAPPA",
    "PartialFourier": 1,
    "PhaseEncodingDirection": "j-",
    "PixelBandwidth": 1445,
    "PulseSequenceDetails": "%SiemensSeq%_ep2d_bold",
    "PulseSequenceType": "Gradient Echo EPI",
    "ReceiveCoilActiveElements": "HE1-4",
    "ReceiveCoilName": "HeadNeck_20",
    "RepetitionTime": 1.5,
    "ScanOptions": "FS",
    "ScanningSequence": "EP",
    "SequenceName": "_epfid2d1_64",
    "SequenceVariant": "SK",
    "SliceTiming": [
      0,
      0.7775,
      0.055,
      0.8325,
      0.11,
      0.89,
      0.1675,
      0.945,
      0.2225,
      1,
      0.2775,
      1.055,
      0.3325,
      1.11,
      0.39,
      1.1675,
      0.445,
      1.2225,
      0.5,
      1.2775,
      0.555,
      1.3325,
      0.61,
      1.3875,
      0.6675,
      1.445,
      0.7225
    ],
    "SoftwareVersions": "syngo_MR_D11",
    "StationName": "AWP45031",
    "TaskDescription": "Passively listened to audio story 'pieman'",
    "TaskName": "pieman",
    "TotalReadoutTime": 0.0245701,
    "dataset": "ds002345",
    "modality": "bold",
    "subject_id": "027",
    "task_id": "pieman"
  },
  "dummy_trs": 0,
  "dvars_nstd": 22.24103995866222,
  "dvars_std": 1.1642413162876248,
  "dvars_vstd": 0.960512502073578,
  "efc": 0.556935463818509,
  "fber": 2655.387451171875,
  "fd_mean": 0.15203862035945798,
  "fd_num": 71,
  "fd_perc": 23.666666666666668,
  "fwhm_avg": 1.7654472998664499,
  "fwhm_x": 1.6970301348678378,
  "fwhm_y": 1.9540566666666666,
  "fwhm_z": 1.6452550980648455,
  "gcor": 0.0396514,
  "gsr_x": -0.01630772091448307,
  "gsr_y": 0.03433842957019806,
  "provenance": {
    "md5sum": "48874c5ce51d1ff42cd10566dd7154ab",
    "settings": {
      "fd_thres": 0.2,
      "testing": false
    },
    "software": "mriqc",
    "version": "21.0.0rc2",
    "webapi_port": null,
    "webapi_url": "https://mriqc.nimh.nih.gov/api/v1"
  },
  "size_t": 300,
  "size_x": 64,
  "size_y": 64,
  "size_z": 27,
  "snr": 6.927037074964932,
  "spacing_tr": 1.5,
  "spacing_x": 2.999999761581421,
  "spacing_y": 3.0,
  "spacing_z": 3.999999761581421,
  "summary_bg_k": 36.10335861106789,
  "summary_bg_mad": 6.903984462806921,
  "summary_bg_mean": 28.20964813232422,
  "summary_bg_median": 12.680000305175781,
  "summary_bg_n": 58413.0,
  "summary_bg_p05": 6.586667060852051,
  "summary_bg_p95": 95.15667114257774,
  "summary_bg_stdv": 48.38328552246094,
  "summary_fg_k": 2.5094863705277417,
  "summary_fg_mad": 87.92322521097502,
  "summary_fg_mean": 691.5440063476562,
  "summary_fg_median": 682.4183349609375,
  "summary_fg_n": 24808.0,
  "summary_fg_p05": 557.76015625,
  "summary_fg_p95": 855.579504394531,
  "summary_fg_stdv": 98.51319885253906,
  "tsnr": 66.69648593477905
}