{
  "aor": 0.0007535,
  "aqi": 0.0053494552666666665,
  "bids_meta": {
    "CogAtlasID": "https://www.cognitiveatlas.org/task/id/trm_4c8991fadfe01",
    "DeviceSerialNumber": "45031",
    "DwellTime": 5.4e-06,
    "EchoTime": 0.028,
    "EffectiveEchoSpacing": 0.000390001,
    "FlipAngle": 64,
    "InstitutionAddress": "Washington Rd, Princeton, NJ 08540, USA",
    "InstitutionName": "Princeton University",
    "InstitutionalDepartmentName": "Princeton Neuroscience Institute",
    "MagneticFieldStrength": 3,
    "Manufacturer": "Siemens",
    "ManufacturersModelName": "Skyra",
    "NumberOfVolumesDiscardedByScanner": 3,
    "ParallelReductionFactorInPlane": 2,
    "ParallelReductionType": "GRAPPA",
    "PartialFourier": 1,
    "PhaseEncodingDirection": "j-",
    "PixelBandwidth": 1445,
    "PulseSequenceDetails": "%SiemensSeq%_ep2d_bold",
    "PulseSequenceType": "Gradient Echo EPI",
    "ReceiveCoilActiveElements": "HE1-4",
    "ReceiveCoilName": "HeadNeck_20",
    "RepetitionTime": 1.5,
    "ScanOptions": "FS",
    "ScanningSequence": "EP",
    "SequenceName": "_epfid2d1_64",
    "SequenceVariant": "SK",
    "SliceTiming": [
      0,
      0.7775,
      0.055,
      0.8325,
      0.11,
      0.89,
      0.1675,
      0.945,
      0.2225,
      1,
      0.2775,
      1.055,
      0.3325,
      1.11,
      0.39,
      1.1675,
      0.445,
      1.2225,
      0.5,
      1.2775,
      0.555,
      1.3325,
      0.61,
      1.3875,
      0.6675,
      1.445,
      0.7225
    ],
    "SoftwareVersions": "syngo_MR_D11",
    "StationName": "AWP45031",
    "TaskDescription": "Passively listened to audio story 'pieman'",
    "TaskName": "pieman",
    "TotalReadoutTime": 0.0245701,
    "dataset": "ds002345",
    "modality": "bold",
    "subject_id": "034",
    "task_id": "pieman"
  },
  "dummy_trs": 0,
  "dvars_nstd": 28.45991285812709,
  "dvars_std": 1.5035443655518392,
  "dvars_vstd": 1.001903476086957,
  "efc": 0.65416268753085,
  "fber": 1148.227783203125,
  "fd_mean": 0.1282861904424472,
  "fd_num": 21,
  "fd_perc": 7.0,
  "fwhm_avg": 2.0164291666666663,
  "fwhm_x": 1.9792399999999999,
  "fwhm_y": 2.3104299999999998,
  "fwhm_z": 1.7596175,
  "gcor": 0.0232254,
  "gsr_x": -0.012872111052274704,
  "gsr_y": 0.048206720501184464,
  "provenance": {
    "md5sum": "8d369f4a79dde76eab5d95f605efbd75",
    "settings": {
      "fd_thres": 0.2,
      "testing": false
    },
    "software": "mriqc",
    "version": "21.0.0rc2",
    "webapi_port": null,
    "webapi_url": "https://mriqc.nimh.nih.gov/api/v1"
  },
  "size_t": 300,
  "size_x": 64,
  "size_y": 64,
  "size_z": 27,
  "snr": 5.855821598144132,
  "spacing_tr": 1.5,
  "spacing_x": 3.0,
  "spacing_y": 3.0,
  "spacing_z": 4.0,
  "summary_bg_k": 13.247134448847333,
  "summary_bg_mad": 16.194957988396784,
  "summary_bg_mean": 57.61014938354492,
  "summary_bg_median": 19.99333381652832,
  "summary_bg_n": 46988.0,
  "summary_bg_p05": 7.610000133514404,
  "summary_bg_p95": 242.55334014892597,
  "summary_bg_stdv": 87.04603576660156,
  "summary_fg_k": 2.3940589058133135,
  "summary_fg_mad": 106.00605862315054,
  "summary_fg_mean": 788.9628295898438,
  "summary_fg_median": 772.3583984375,
  "summary_fg_n": 33888.0,
  "summary_fg_p05": 620.5783752441406,
  "summary_fg_p95": 1037.7949768066405,
  "summary_fg_stdv": 131.8938751220703,
  "tsnr": 79.33191953320056
}