{
  "aor": 0.0006028619528619529,
  "aqi": 0.005534511481481481,
  "bids_meta": {
    "CogAtlasID": "https://www.cognitiveatlas.org/task/id/trm_4c8991fadfe01",
    "DeviceSerialNumber": "45031",
    "DwellTime": 5.4e-06,
    "EchoTime": 0.028,
    "EffectiveEchoSpacing": 0.000390001,
    "FlipAngle": 64,
    "InstitutionAddress": "Washington Rd, Princeton, NJ 08540, USA",
    "InstitutionName": "Princeton University",
    "InstitutionalDepartmentName": "Princeton Neuroscience Institute",
    "MagneticFieldStrength": 3,
    "Manufacturer": "Siemens",
    "ManufacturersModelName": "Skyra",
    "NumberOfVolumesDiscardedByScanner": 3,
    "ParallelReductionFactorInPlane": 2,
    "ParallelReductionType": "GRAPPA",
    "PartialFourier": 1,
    "PhaseEncodingDirection": "j-",
    "PixelBandwidth": 1445,
    "PulseSequenceDetails": "%SiemensSeq%_ep2d_bold",
    "PulseSequenceType": "Gradient Echo EPI",
    "ReceiveCoilActiveElements": "HE1-4",
    "ReceiveCoilName": "HeadNeck_20",
    "RepetitionTime": 1.5,
    "ScanOptions": "FS",
    "ScanningSequence": "EP",
    "SequenceName": "_epfid2d1_64",
    "SequenceVariant": "SK",
    "SliceTiming": [
      0,
      0.7775,
      0.055,
      0.8325,
      0.11,
      0.8875,
      0.165,
      0.9425,
      0.22,
      0.9975,
      0.2775,
      1.055,
      0.3325,
      1.11,
      0.3875,
      1.165,
      0.4425,
      1.22,
      0.5,
      1.2775,
      0.555,
      1.3325,
      0.61,
      1.3875,
      0.665,
      1.4425,
      0.72
    ],
    "SoftwareVersions": "syngo_MR_D11",
    "StationName": "AWP45031",
    "TaskDescription": "Passively listened to audio story 'milkyway'",
    "TaskName": "milkyway",
    "TotalReadoutTime": 0.0245701,
    "dataset": "ds002345",
    "modality": "bold",
    "subject_id": "034",
    "task_id": "milkyway"
  },
  "dummy_trs": 0,
  "dvars_nstd": 28.66972762844595,
  "dvars_std": 1.52896395222973,
  "dvars_vstd": 1.0010716404729736,
  "efc": 0.6526248246099505,
  "fber": 937.4723510742188,
  "fd_mean": 0.10043637798967163,
  "fd_num": 1,
  "fd_perc": 0.3367003367003367,
  "fwhm_avg": 1.9595612489989398,
  "fwhm_x": 1.9186266666666667,
  "fwhm_y": 2.225026666666667,
  "fwhm_z": 1.735030413663486,
  "gcor": 0.0448115,
  "gsr_x": -0.01673375628888607,
  "gsr_y": 0.058534886687994,
  "provenance": {
    "md5sum": "811346a2b2c696085cadb5dff7ba35af",
    "settings": {
      "fd_thres": 0.2,
      "testing": false
    },
    "software": "mriqc",
    "version": "21.0.0rc2",
    "webapi_port": null,
    "webapi_url": "https://mriqc.nimh.nih.gov/api/v1"
  },
  "size_t": 297,
  "size_x": 64,
  "size_y": 64,
  "size_z": 27,
  "snr": 6.073357692360406,
  "spacing_tr": 1.5,
  "spacing_x": 3.0,
  "spacing_y": 3.0,
  "spacing_z": 3.9999990463256836,
  "summary_bg_k": 14.694130798234525,
  "summary_bg_mad": 20.71649631227946,
  "summary_bg_mean": 60.699398040771484,
  "summary_bg_median": 23.8552188873291,
  "summary_bg_n": 47656.0,
  "summary_bg_p05": 8.397306442260742,
  "summary_bg_p95": 238.2920799255371,
  "summary_bg_stdv": 86.18742370605469,
  "summary_fg_k": 2.924357180150502,
  "summary_fg_mad": 101.91017091464107,
  "summary_fg_mean": 821.4718017578125,
  "summary_fg_median": 804.6683349609375,
  "summary_fg_n": 33750.0,
  "summary_fg_p05": 655.8061981201172,
  "summary_fg_p95": 1073.331768798828,
  "summary_fg_stdv": 132.4895477294922,
  "tsnr": 81.8357761586085
}