{
  "bids_meta": {
    "AcquisitionMatrixPE": 256,
    "BaseResolution": 256,
    "BodyPartExamined": "BRAIN",
    "ConsistencyInfo": "N4_VE11C_LATEST_20160120",
    "ConversionSoftware": "dcm2niix",
    "ConversionSoftwareVersion": "v1.0.20180328 GCC6.3.0",
    "DeviceSerialNumber": "66018",
    "EchoTime": 0.0033,
    "FlipAngle": 7,
    "ImageOrientationPatientDICOM": [
      0,
      1,
      0,
      0,
      0,
      -1
    ],
    "ImageType": [
      "ORIGINAL",
      "PRIMARY",
      "M",
      "ND",
      "NORM"
    ],
    "InPlanePhaseEncodingDirectionDICOM": "ROW",
    "InstitutionAddress": "Washington Rd, Princeton, NJ 08540, USA",
    "InstitutionName": "Princeton University",
    "InstitutionalDepartmentName": "Princeton Neuroscience Institute",
    "InversionTime": 1.1,
    "MRAcquisitionType": "3D",
    "MagneticFieldStrength": 3,
    "Manufacturer": "Siemens",
    "ManufacturersModelName": "Prisma",
    "Modality": "MR",
    "ParallelReductionFactorInPlane": 2,
    "ParallelReductionType": "GRAPPA",
    "PartialFourier": 1,
    "PatientPosition": "HFS",
    "PercentPhaseFOV": 100,
    "PhaseEncodingSteps": 255,
    "PhaseResolution": 1,
    "PixelBandwidth": 200,
    "ProcedureStepDescription": "Hasson_Nastase_042518_Storyteller",
    "ProtocolName": "anat-T1w",
    "PulseSequenceDetails": "%SiemensSeq%_tfl",
    "ReceiveCoilActiveElements": "HC1-7;NC1,2",
    "ReceiveCoilName": "HeadNeck_64",
    "ReconMatrixPE": 256,
    "RepetitionTime": 2.53,
    "SAR": 0.0333168,
    "ScanOptions": "IR",
    "ScanningSequence": "GR_IR",
    "SequenceName": "_tfl3d1_16ns",
    "SequenceVariant": "SK_SP_MP",
    "SeriesDescription": "anat-T1w",
    "SeriesNumber": 3,
    "ShimSetting": [
      753,
      453,
      2039,
      439,
      -90,
      -214,
      235,
      53
    ],
    "SliceThickness": 1,
    "SoftwareVersions": "syngo_MR_E11",
    "StationName": "AWP66018",
    "TxRefAmp": 219.676,
    "dataset": "ds002345",
    "modality": "T1w",
    "subject_id": "291"
  },
  "cjv": 0.36313346069481983,
  "cnr": 3.5992472466766747,
  "efc": 0.566116607169918,
  "fber": 3183.4126465028353,
  "fwhm_avg": 3.474716666666667,
  "fwhm_x": 3.4971,
  "fwhm_y": 3.65055,
  "fwhm_z": 3.2765,
  "icvs_csf": 0.17542029763668368,
  "icvs_gm": 0.4424201270359844,
  "icvs_wm": 0.3821595753273319,
  "inu_med": 1.0768635272979736,
  "inu_range": 0.48328810930252075,
  "provenance": {
    "md5sum": "0e6427a0ffdde3832814381baa3443f1",
    "settings": {
      "testing": false
    },
    "software": "mriqc",
    "version": "22.0.0rc1",
    "warnings": {
      "large_rot_frame": true,
      "small_air_mask": false
    },
    "webapi_port": null,
    "webapi_url": "https://mriqc.nimh.nih.gov/api/v1"
  },
  "qi_1": 0.0,
  "qi_2": 0.0015942133457812928,
  "rpve_csf": 25.465085254605707,
  "rpve_gm": 11.343660130326956,
  "rpve_wm": 15.728869402969694,
  "size_x": 176,
  "size_y": 256,
  "size_z": 256,
  "snr_csf": 2.522792115119734,
  "snr_gm": 8.948087229908387,
  "snr_total": 10.066090388803802,
  "snr_wm": 18.72739182138329,
  "snrd_csf": 37.52448180370106,
  "snrd_gm": 65.58657735939249,
  "snrd_total": 67.0849154931353,
  "snrd_wm": 98.14368731631234,
  "spacing_x": 1.0,
  "spacing_y": 1.0,
  "spacing_z": 1.0,
  "summary_bg_k": 4.260344577198141,
  "summary_bg_mad": 6.675277998483995,
  "summary_bg_mean": 11.98244730782362,
  "summary_bg_median": 10.195104576647282,
  "summary_bg_n": 2969210.0,
  "summary_bg_p05": 2.4840863943099976,
  "summary_bg_p95": 27.42845393717289,
  "summary_bg_stdv": 8.123154799183412,
  "summary_csf_k": 22.298857046939723,
  "summary_csf_mad": 121.99645997229372,
  "summary_csf_mean": 359.8016168001323,
  "summary_csf_median": 382.3422975242138,
  "summary_csf_n": 8523.0,
  "summary_csf_p05": 140.6613920778036,
  "summary_csf_p95": 528.2616724699735,
  "summary_csf_stdv": 151.54632224532023,
  "summary_gm_k": 0.17036031871170332,
  "summary_gm_mad": 72.58405731684897,
  "summary_gm_mean": 668.3172411863051,
  "summary_gm_median": 668.2709918692708,
  "summary_gm_n": 22911.0,
  "summary_gm_p05": 546.3696272484958,
  "summary_gm_p95": 793.1998367831111,
  "summary_gm_stdv": 74.68148113401048,
  "summary_wm_k": 0.9736723506028069,
  "summary_wm_mad": 47.87785598912659,
  "summary_wm_mean": 997.211425828461,
  "summary_wm_median": 1000.0000291094184,
  "summary_wm_n": 228604.0,
  "summary_wm_p05": 903.7934331297874,
  "summary_wm_p95": 1078.9215239286423,
  "summary_wm_stdv": 53.39760343866041,
  "tpm_overlap_csf": 0.15986387431621552,
  "tpm_overlap_gm": 0.43903109431266785,
  "tpm_overlap_wm": 0.48024117946624756,
  "wm2max": 0.5025356947803699
}