{
  "bids_meta": {
    "DeviceSerialNumber": "45031",
    "DwellTime": 8.2e-06,
    "EchoTime": 0.00308,
    "FlipAngle": 9,
    "InstitutionAddress": "Washington Rd, Princeton, NJ 08540, USA",
    "InstitutionName": "Princeton University",
    "InstitutionalDepartmentName": "Princeton Neuroscience Institute",
    "InversionTime": 0.9,
    "MagneticFieldStrength": 3,
    "Manufacturer": "Siemens",
    "ManufacturersModelName": "Skyra",
    "ParallelReductionFactorInPlane": 2,
    "ParallelReductionType": "GRAPPA",
    "PartialFourier": 1,
    "PixelBandwidth": 240,
    "PulseSequenceDetails": "%SiemensSeq%_tfl",
    "PulseSequenceType": "MPRAGE",
    "ReceiveCoilActiveElements": "HE1-4",
    "ReceiveCoilName": "HeadNeck_20",
    "RepetitionTime": 2.3,
    "ScanOptions": "IR",
    "ScanningSequence": "GR_IR",
    "SequenceName": "_tfl3d1_16ns",
    "SequenceVariant": "SK_SP_MP",
    "SoftwareVersions": "syngo_MR_D13",
    "StationName": "AWP45031",
    "dataset": "ds002345",
    "modality": "T1w",
    "subject_id": "155"
  },
  "cjv": 0.5298340975432037,
  "cnr": 2.528089479784333,
  "efc": 0.6194233299688066,
  "fber": 1035.6477503429355,
  "fwhm_avg": 3.394160144314787,
  "fwhm_x": 3.367166755866124,
  "fwhm_y": 3.606853818181818,
  "fwhm_z": 3.2084598588964193,
  "icvs_csf": 0.21071618034755984,
  "icvs_gm": 0.41656790137668426,
  "icvs_wm": 0.3727159182757559,
  "inu_med": 1.5084359645843506,
  "inu_range": 0.573312485218048,
  "provenance": {
    "md5sum": "9406c64e62f85ca30a924b4de06ef032",
    "settings": {
      "testing": false
    },
    "software": "mriqc",
    "version": "22.0.0rc1",
    "warnings": {
      "large_rot_frame": true,
      "small_air_mask": false
    },
    "webapi_port": null,
    "webapi_url": "https://mriqc.nimh.nih.gov/api/v1"
  },
  "qi_1": 0.00031812731658436,
  "qi_2": 0.0030892467656033294,
  "rpve_csf": 18.674324180414544,
  "rpve_gm": 9.809630025462289,
  "rpve_wm": 13.119090288220617,
  "size_x": 192,
  "size_y": 256,
  "size_z": 256,
  "snr_csf": 3.10791301166405,
  "snr_gm": 9.12972647500481,
  "snr_total": 8.866375542843649,
  "snr_wm": 14.361487141862089,
  "snrd_csf": 19.6540071707408,
  "snrd_gm": 36.30477568108985,
  "snrd_total": 35.31021357263546,
  "snrd_wm": 49.97185786607574,
  "spacing_x": 0.8999999761581421,
  "spacing_y": 0.859375,
  "spacing_z": 0.8593749403953552,
  "summary_bg_k": 652.7111774309576,
  "summary_bg_mad": 13.110105891544475,
  "summary_bg_mean": 19.969767816295626,
  "summary_bg_median": 17.998277619481087,
  "summary_bg_n": 3566750.0,
  "summary_bg_p05": 2.9736284762620926,
  "summary_bg_p95": 43.11761290580034,
  "summary_bg_stdv": 22.870015105684857,
  "summary_csf_k": 0.10217474424159168,
  "summary_csf_mad": 141.07866162936355,
  "summary_csf_mean": 385.21791995165114,
  "summary_csf_median": 393.3014926761389,
  "summary_csf_n": 25605.0,
  "summary_csf_p05": 179.76366672813893,
  "summary_csf_p95": 576.7900203377008,
  "summary_csf_stdv": 126.54595252678126,
  "summary_gm_k": 0.07074491158175045,
  "summary_gm_mad": 78.08054216822507,
  "summary_gm_mean": 726.5265749429751,
  "summary_gm_median": 726.5043887794018,
  "summary_gm_n": 25681.0,
  "summary_gm_p05": 595.3517223000526,
  "summary_gm_p95": 859.456883020699,
  "summary_gm_stdv": 79.5741521771556,
  "summary_wm_k": 0.34454020498368854,
  "summary_wm_mad": 66.82673445601432,
  "summary_wm_mean": 998.0354180292123,
  "summary_wm_median": 999.99995521456,
  "summary_wm_n": 323654.0,
  "summary_wm_p05": 879.9592688307166,
  "summary_wm_p95": 1108.693901360035,
  "summary_wm_stdv": 69.63056126958615,
  "tpm_overlap_csf": 0.16521859169006348,
  "tpm_overlap_gm": 0.4323102533817291,
  "tpm_overlap_wm": 0.48493948578834534,
  "wm2max": 0.5156357180325223
}