{
  "aor": 0.001482528846153846,
  "aqi": 0.011477538365384616,
  "bids_meta": {
    "CogAtlasID": "https://www.cognitiveatlas.org/task/id/trm_4c8991fadfe01",
    "DeviceSerialNumber": "45031",
    "DwellTime": 5.4e-06,
    "EchoTime": 0.028,
    "EffectiveEchoSpacing": 0.000390001,
    "FlipAngle": 64,
    "InstitutionAddress": "Washington Rd, Princeton, NJ 08540, USA",
    "InstitutionName": "Princeton University",
    "InstitutionalDepartmentName": "Princeton Neuroscience Institute",
    "MagneticFieldStrength": 3,
    "Manufacturer": "Siemens",
    "ManufacturersModelName": "Skyra",
    "NumberOfVolumesDiscardedByScanner": 3,
    "ParallelReductionFactorInPlane": 2,
    "ParallelReductionType": "GRAPPA",
    "PartialFourier": 1,
    "PhaseEncodingDirection": "j-",
    "PixelBandwidth": 1445,
    "PulseSequenceDetails": "%SiemensSeq%_ep2d_bold",
    "PulseSequenceType": "Gradient Echo EPI",
    "ReceiveCoilActiveElements": "HE1-4",
    "ReceiveCoilName": "HeadNeck_20",
    "RepetitionTime": 1.5,
    "ScanOptions": "FS",
    "ScanningSequence": "EP",
    "SequenceName": "_epfid2d1_64",
    "SequenceVariant": "SK",
    "SliceTiming": [
      0,
      0.7775,
      0.055,
      0.8325,
      0.1125,
      0.89,
      0.1675,
      0.945,
      0.2225,
      1,
      0.2775,
      1.055,
      0.3325,
      1.11,
      0.39,
      1.1675,
      0.445,
      1.2225,
      0.5,
      1.2775,
      0.555,
      1.3325,
      0.6125,
      1.39,
      0.6675,
      1.445,
      0.7225
    ],
    "SoftwareVersions": "syngo_MR_D11",
    "StationName": "AWP45031",
    "TaskDescription": "Passively listened to audio story 'tunnel'",
    "TaskName": "tunnel",
    "TotalReadoutTime": 0.0245701,
    "dataset": "ds002345",
    "modality": "bold",
    "subject_id": "055",
    "task_id": "tunnel"
  },
  "dummy_trs": 0,
  "dvars_nstd": 19.40078286692974,
  "dvars_std": 1.084736575149182,
  "dvars_vstd": 0.9764831037151107,
  "efc": 0.5934971939146391,
  "fber": 2423.2412109375,
  "fd_mean": 0.16053880741916984,
  "fd_num": 330,
  "fd_perc": 31.73076923076923,
  "fwhm_avg": 1.7233883646048127,
  "fwhm_x": 1.6836966666666668,
  "fwhm_y": 1.9125233333333334,
  "fwhm_z": 1.5739450938144381,
  "gcor": 0.0367974,
  "gsr_x": -0.00166254339274019,
  "gsr_y": 0.041584599763154984,
  "provenance": {
    "md5sum": "0f06521381500893d95fd6011454585a",
    "settings": {
      "fd_thres": 0.2,
      "testing": false
    },
    "software": "mriqc",
    "version": "21.0.0rc2",
    "webapi_port": null,
    "webapi_url": "https://mriqc.nimh.nih.gov/api/v1"
  },
  "size_t": 1040,
  "size_x": 64,
  "size_y": 64,
  "size_z": 27,
  "snr": 6.576149197468005,
  "spacing_tr": 1.5,
  "spacing_x": 3.0,
  "spacing_y": 3.0,
  "spacing_z": 3.999999761581421,
  "summary_bg_k": 31.899702580083826,
  "summary_bg_mad": 8.758757199570452,
  "summary_bg_mean": 35.21870422363281,
  "summary_bg_median": 13.783653259277344,
  "summary_bg_n": 53448.0,
  "summary_bg_p05": 6.156442427635193,
  "summary_bg_p95": 121.00144424438449,
  "summary_bg_stdv": 70.887939453125,
  "summary_fg_k": 2.1376945233572995,
  "summary_fg_mad": 97.00638082534438,
  "summary_fg_mean": 702.4971313476562,
  "summary_fg_median": 691.7528686523438,
  "summary_fg_n": 29231.0,
  "summary_fg_p05": 561.2293395996094,
  "summary_fg_p95": 881.0677795410156,
  "summary_fg_stdv": 105.18937683105469,
  "tsnr": 61.68854479957372
}