{
  "aor": 0.0004840650406504065,
  "aqi": 0.004929053197831978,
  "bids_meta": {
    "CogAtlasID": "https://www.cognitiveatlas.org/task/id/trm_4c8991fadfe01",
    "DeviceSerialNumber": "45031",
    "DwellTime": 5.4e-06,
    "EchoTime": 0.028,
    "EffectiveEchoSpacing": 0.000390001,
    "FlipAngle": 64,
    "InstitutionAddress": "Washington Rd, Princeton, NJ 08540, USA",
    "InstitutionName": "Princeton University",
    "InstitutionalDepartmentName": "Princeton Neuroscience Institute",
    "MagneticFieldStrength": 3,
    "Manufacturer": "Siemens",
    "ManufacturersModelName": "Skyra",
    "NumberOfVolumesDiscardedByScanner": 3,
    "ParallelReductionFactorInPlane": 2,
    "ParallelReductionType": "GRAPPA",
    "PartialFourier": 1,
    "PhaseEncodingDirection": "j-",
    "PixelBandwidth": 1445,
    "PulseSequenceDetails": "%SiemensSeq%_ep2d_bold",
    "PulseSequenceType": "Gradient Echo EPI",
    "ReceiveCoilActiveElements": "HE1-4",
    "ReceiveCoilName": "HeadNeck_20",
    "RepetitionTime": 1.5,
    "ScanOptions": "FS",
    "ScanningSequence": "EP",
    "SequenceName": "_epfid2d1_64",
    "SequenceVariant": "SK",
    "SliceTiming": [
      0,
      0.7775,
      0.0575,
      0.835,
      0.1125,
      0.89,
      0.1675,
      0.945,
      0.2225,
      1,
      0.28,
      1.0575,
      0.335,
      1.1125,
      0.39,
      1.1675,
      0.445,
      1.2225,
      0.5,
      1.2775,
      0.5575,
      1.335,
      0.6125,
      1.39,
      0.6675,
      1.445,
      0.7225
    ],
    "SoftwareVersions": "syngo_MR_D11",
    "StationName": "AWP45031",
    "TaskDescription": "Passively listened to audio story 'lucy'",
    "TaskName": "lucy",
    "TotalReadoutTime": 0.0245701,
    "dataset": "ds002345",
    "modality": "bold",
    "subject_id": "055",
    "task_id": "lucy"
  },
  "dummy_trs": 1,
  "dvars_nstd": 20.553396976467393,
  "dvars_std": 1.1850705015217395,
  "dvars_vstd": 1.0009773213043476,
  "efc": 0.598614469447879,
  "fber": 2203.36474609375,
  "fd_mean": 0.1425278600950433,
  "fd_num": 62,
  "fd_perc": 16.802168021680217,
  "fwhm_avg": 1.7026794759833501,
  "fwhm_x": 1.65979,
  "fwhm_y": 1.8608433333333334,
  "fwhm_z": 1.5874050946167166,
  "gcor": 0.0274059,
  "gsr_x": -0.005229943431913853,
  "gsr_y": 0.04053150862455368,
  "provenance": {
    "md5sum": "e21f07e9c9861cc2b066c4fb817a49e1",
    "settings": {
      "fd_thres": 0.2,
      "testing": false
    },
    "software": "mriqc",
    "version": "21.0.0rc2",
    "webapi_port": null,
    "webapi_url": "https://mriqc.nimh.nih.gov/api/v1"
  },
  "size_t": 369,
  "size_x": 64,
  "size_y": 64,
  "size_z": 27,
  "snr": 6.685695755263942,
  "spacing_tr": 1.5,
  "spacing_x": 3.0,
  "spacing_y": 3.0,
  "spacing_z": 3.999999761581421,
  "summary_bg_k": 28.474915609238106,
  "summary_bg_mad": 8.124177332126147,
  "summary_bg_mean": 35.92739486694336,
  "summary_bg_median": 14.186991691589355,
  "summary_bg_n": 53158.0,
  "summary_bg_p05": 7.029810428619385,
  "summary_bg_p95": 131.56599578857393,
  "summary_bg_stdv": 69.7454605102539,
  "summary_fg_k": 2.404940909428361,
  "summary_fg_mad": 93.84589711663304,
  "summary_fg_mean": 697.735107421875,
  "summary_fg_median": 687.189697265625,
  "summary_fg_n": 29607.0,
  "summary_fg_p05": 561.499462890625,
  "summary_fg_p95": 872.3425476074218,
  "summary_fg_stdv": 102.78333282470703,
  "tsnr": 83.0975097026676
}