{
  "aor": 0.0005702090592334495,
  "aqi": 0.013080527177700349,
  "bids_meta": {
    "AcquisitionMatrixPE": 96,
    "BandwidthPerPixelPhaseEncode": 20.425,
    "BaseResolution": 96,
    "BodyPartExamined": "BRAIN",
    "ConsistencyInfo": "N4_VE11C_LATEST_20160120",
    "ConversionSoftware": "dcm2niix",
    "ConversionSoftwareVersion": "v1.0.20180328 GCC6.3.0",
    "DerivedVendorReportedEchoSpacing": 0.000509996,
    "DeviceSerialNumber": "66018",
    "DwellTime": 2.1e-06,
    "EchoTime": 0.031,
    "EchoTrainLength": 96,
    "EffectiveEchoSpacing": 0.000509996,
    "FlipAngle": 67,
    "ImageOrientationPatientDICOM": [
      1,
      0,
      0,
      0,
      1,
      0
    ],
    "ImageType": [
      "ORIGINAL",
      "PRIMARY",
      "M",
      "ND",
      "NORM",
      "MOSAIC"
    ],
    "InPlanePhaseEncodingDirectionDICOM": "COL",
    "InstitutionAddress": "Washington Rd, Princeton, NJ 08540, USA",
    "InstitutionName": "Princeton University",
    "InstitutionalDepartmentName": "Princeton Neuroscience Institute",
    "MRAcquisitionType": "2D",
    "MagneticFieldStrength": 3,
    "Manufacturer": "Siemens",
    "ManufacturersModelName": "Prisma",
    "Modality": "MR",
    "MultibandAccelerationFactor": 3,
    "NumberOfVolumesDiscardedByScanner": 3,
    "PartialFourier": 1,
    "PatientPosition": "HFS",
    "PercentPhaseFOV": 100,
    "PhaseEncodingDirection": "j-",
    "PhaseEncodingSteps": 96,
    "PhaseResolution": 1,
    "PixelBandwidth": 2480,
    "ProcedureStepDescription": "Hasson_Nastase_042518_Storyteller",
    "ProtocolName": "func_task-forgot",
    "PulseSequenceDetails": "%SiemensSeq%_ep2d_bold",
    "ReceiveCoilActiveElements": "HC1-7;NC1",
    "ReceiveCoilName": "HeadNeck_64",
    "ReconMatrixPE": 96,
    "RepetitionTime": 1.5,
    "SAR": 0.0354474,
    "ScanOptions": "FS",
    "ScanningSequence": "EP",
    "SequenceName": "_epfid2d1_96",
    "SequenceVariant": "SK",
    "SeriesDescription": "func_task-forgot",
    "SeriesNumber": 10,
    "ShimSetting": [
      770,
      495,
      2102,
      685,
      -93,
      -72,
      110,
      4
    ],
    "SliceThickness": 2.5,
    "SliceTiming": [
      1.11,
      0,
      0.74,
      0.0925,
      0.8325,
      0.185,
      0.925,
      0.2775,
      1.0175,
      0.4625,
      1.2025,
      0.555,
      1.295,
      0.6475,
      1.3875,
      0.37,
      1.11,
      0,
      0.74,
      0.0925,
      0.8325,
      0.185,
      0.925,
      0.2775,
      1.0175,
      0.4625,
      1.2025,
      0.555,
      1.295,
      0.6475,
      1.3875,
      0.37,
      1.11,
      0,
      0.74,
      0.0925,
      0.8325,
      0.185,
      0.925,
      0.2775,
      1.0175,
      0.4625,
      1.2025,
      0.555,
      1.295,
      0.6475,
      1.3875,
      0.37
    ],
    "SoftwareVersions": "syngo_MR_E11",
    "SpacingBetweenSlices": 2.5,
    "StationName": "AWP66018",
    "TaskDescription": "Passively listened to audio story 'forgot'",
    "TaskName": "forgot",
    "TotalReadoutTime": 0.0484496,
    "TxRefAmp": 218.432,
    "dataset": "ds002345",
    "modality": "bold",
    "subject_id": "299",
    "task_id": "forgot"
  },
  "dummy_trs": 0,
  "dvars_nstd": 26.76576770828968,
  "dvars_std": 1.224502350331589,
  "dvars_vstd": 0.990226250453753,
  "efc": 0.45412740833540494,
  "fber": 4013.164794921875,
  "fd_mean": 0.11543886267010192,
  "fd_num": 43,
  "fd_perc": 7.491289198606272,
  "fwhm_avg": 1.941264,
  "fwhm_x": 1.827664,
  "fwhm_y": 2.107524,
  "fwhm_z": 1.8886040000000002,
  "gcor": 0.0337519,
  "gsr_x": -0.021791746839880943,
  "gsr_y": 0.025080351158976555,
  "provenance": {
    "md5sum": "1461918cfa04af510abf560eb81e00be",
    "settings": {
      "fd_thres": 0.2,
      "testing": false
    },
    "software": "mriqc",
    "version": "22.0.0rc1",
    "webapi_port": null,
    "webapi_url": "https://mriqc.nimh.nih.gov/api/v1"
  },
  "size_t": 574,
  "size_x": 96,
  "size_y": 96,
  "size_z": 48,
  "snr": 6.6422495326001245,
  "spacing_tr": 1.5,
  "spacing_x": 2.5,
  "spacing_y": 2.5,
  "spacing_z": 2.5,
  "summary_bg_k": 29.036257747713314,
  "summary_bg_mad": 6.59163971308595,
  "summary_bg_mean": 27.416841506958008,
  "summary_bg_median": 10.986063003540039,
  "summary_bg_n": 315254.0,
  "summary_bg_p05": 5.259582042694092,
  "summary_bg_p95": 104.73484382629363,
  "summary_bg_stdv": 51.1644401550293,
  "summary_fg_k": 2.9154856297495,
  "summary_fg_mad": 96.84702642429528,
  "summary_fg_mean": 702.3667602539062,
  "summary_fg_median": 701.677734375,
  "summary_fg_n": 65627.0,
  "summary_fg_p05": 551.2489501953125,
  "summary_fg_p95": 867.2447998046873,
  "summary_fg_stdv": 105.63776397705078,
  "tsnr": 56.48901185486466
}