{
  "aor": 0.0005489795918367347,
  "aqi": 0.010941450170068026,
  "bids_meta": {
    "AcquisitionMatrixPE": 96,
    "BandwidthPerPixelPhaseEncode": 20.425,
    "BaseResolution": 96,
    "BodyPartExamined": "BRAIN",
    "ConsistencyInfo": "N4_VE11C_LATEST_20160120",
    "ConversionSoftware": "dcm2niix",
    "ConversionSoftwareVersion": "v1.0.20180328 GCC6.3.0",
    "DerivedVendorReportedEchoSpacing": 0.000509996,
    "DeviceSerialNumber": "66018",
    "DwellTime": 2.1e-06,
    "EchoTime": 0.031,
    "EchoTrainLength": 96,
    "EffectiveEchoSpacing": 0.000509996,
    "FlipAngle": 67,
    "ImageOrientationPatientDICOM": [
      1,
      0,
      0,
      0,
      1,
      0
    ],
    "ImageType": [
      "ORIGINAL",
      "PRIMARY",
      "M",
      "ND",
      "NORM",
      "MOSAIC"
    ],
    "InPlanePhaseEncodingDirectionDICOM": "COL",
    "InstitutionAddress": "Washington Rd, Princeton, NJ 08540, USA",
    "InstitutionName": "Princeton University",
    "InstitutionalDepartmentName": "Princeton Neuroscience Institute",
    "MRAcquisitionType": "2D",
    "MagneticFieldStrength": 3,
    "Manufacturer": "Siemens",
    "ManufacturersModelName": "Prisma",
    "Modality": "MR",
    "MultibandAccelerationFactor": 3,
    "NumberOfVolumesDiscardedByScanner": 3,
    "PartialFourier": 1,
    "PatientPosition": "HFS",
    "PercentPhaseFOV": 100,
    "PhaseEncodingDirection": "j-",
    "PhaseEncodingSteps": 96,
    "PhaseResolution": 1,
    "PixelBandwidth": 2480,
    "ProcedureStepDescription": "Hasson_Nastase_042518_Storyteller",
    "ProtocolName": "func_task-pieman",
    "PulseSequenceDetails": "%SiemensSeq%_ep2d_bold",
    "ReceiveCoilActiveElements": "HC1-7;NC1",
    "ReceiveCoilName": "HeadNeck_64",
    "ReconMatrixPE": 96,
    "RepetitionTime": 1.5,
    "SAR": 0.0354051,
    "ScanOptions": "FS",
    "ScanningSequence": "EP",
    "SequenceName": "_epfid2d1_96",
    "SequenceVariant": "SK",
    "SeriesDescription": "func_task-pieman",
    "SeriesNumber": 8,
    "ShimSetting": [
      770,
      495,
      2102,
      685,
      -93,
      -72,
      110,
      4
    ],
    "SliceThickness": 2.5,
    "SliceTiming": [
      1.11,
      0,
      0.74,
      0.0925,
      0.8325,
      0.185,
      0.925,
      0.2775,
      1.0175,
      0.4625,
      1.2025,
      0.555,
      1.295,
      0.6475,
      1.3875,
      0.37,
      1.11,
      0,
      0.74,
      0.0925,
      0.8325,
      0.185,
      0.925,
      0.2775,
      1.0175,
      0.4625,
      1.2025,
      0.555,
      1.295,
      0.6475,
      1.3875,
      0.37,
      1.11,
      0,
      0.74,
      0.0925,
      0.8325,
      0.185,
      0.925,
      0.2775,
      1.0175,
      0.4625,
      1.2025,
      0.555,
      1.295,
      0.6475,
      1.3875,
      0.37
    ],
    "SoftwareVersions": "syngo_MR_E11",
    "SpacingBetweenSlices": 2.5,
    "StationName": "AWP66018",
    "TaskDescription": "Passively listened to audio story 'piemanpni'",
    "TaskName": "piemanpni",
    "TotalReadoutTime": 0.0484496,
    "TxRefAmp": 218.432,
    "dataset": "ds002345",
    "modality": "bold",
    "subject_id": "299",
    "task_id": "piemanpni"
  },
  "dummy_trs": 0,
  "dvars_nstd": 23.917766564641635,
  "dvars_std": 1.1521151921501702,
  "dvars_vstd": 0.9803007744709886,
  "efc": 0.4523137322744271,
  "fber": 4078.580078125,
  "fd_mean": 0.08433130964432628,
  "fd_num": 6,
  "fd_perc": 2.0408163265306123,
  "fwhm_avg": 1.9553893333333334,
  "fwhm_x": 1.853628,
  "fwhm_y": 2.124748,
  "fwhm_z": 1.887792,
  "gcor": 0.014572,
  "gsr_x": -0.020785320550203323,
  "gsr_y": 0.025893857702612877,
  "provenance": {
    "md5sum": "f10825b91e2f980eda97b24a012f8fba",
    "settings": {
      "fd_thres": 0.2,
      "testing": false
    },
    "software": "mriqc",
    "version": "22.0.0rc1",
    "webapi_port": null,
    "webapi_url": "https://mriqc.nimh.nih.gov/api/v1"
  },
  "size_t": 294,
  "size_x": 96,
  "size_y": 96,
  "size_z": 48,
  "snr": 6.542833713671354,
  "spacing_tr": 1.5,
  "spacing_x": 2.5,
  "spacing_y": 2.5,
  "spacing_z": 2.5,
  "summary_bg_k": 30.239718760739052,
  "summary_bg_mad": 6.540595799540084,
  "summary_bg_mean": 26.81718635559082,
  "summary_bg_median": 10.874149322509766,
  "summary_bg_n": 315339.0,
  "summary_bg_p05": 5.200680255889893,
  "summary_bg_p95": 101.87788848876946,
  "summary_bg_stdv": 50.39461898803711,
  "summary_fg_k": 3.0728847515821256,
  "summary_fg_mad": 96.92385316279085,
  "summary_fg_mean": 703.19873046875,
  "summary_fg_median": 702.846923828125,
  "summary_fg_n": 65621.0,
  "summary_fg_p05": 550.0101928710938,
  "summary_fg_p95": 870.3162841796875,
  "summary_fg_stdv": 107.42158508300781,
  "tsnr": 60.08868641103618
}