{
  "aor": 0.006152472727272729,
  "aqi": 0.01070725969090909,
  "bids_meta": {
    "AcquisitionMatrixPE": 96,
    "BandwidthPerPixelPhaseEncode": 20.425,
    "BaseResolution": 96,
    "BodyPartExamined": "BRAIN",
    "ConsistencyInfo": "N4_VE11C_LATEST_20160120",
    "ConversionSoftware": "dcm2niix",
    "ConversionSoftwareVersion": "v1.0.20180328 GCC6.3.0",
    "DerivedVendorReportedEchoSpacing": 0.000509996,
    "DeviceSerialNumber": "66018",
    "DwellTime": 2.1e-06,
    "EchoTime": 0.031,
    "EchoTrainLength": 96,
    "EffectiveEchoSpacing": 0.000509996,
    "FlipAngle": 67,
    "ImageOrientationPatientDICOM": [
      1,
      0,
      0,
      0,
      1,
      0
    ],
    "ImageType": [
      "ORIGINAL",
      "PRIMARY",
      "M",
      "ND",
      "NORM",
      "MOSAIC"
    ],
    "InPlanePhaseEncodingDirectionDICOM": "COL",
    "InstitutionAddress": "Washington Rd, Princeton, NJ 08540, USA",
    "InstitutionName": "Princeton University",
    "InstitutionalDepartmentName": "Princeton Neuroscience Institute",
    "MRAcquisitionType": "2D",
    "MagneticFieldStrength": 3,
    "Manufacturer": "Siemens",
    "ManufacturersModelName": "Prisma",
    "Modality": "MR",
    "MultibandAccelerationFactor": 3,
    "NumberOfVolumesDiscardedByScanner": 3,
    "PartialFourier": 1,
    "PatientPosition": "HFS",
    "PercentPhaseFOV": 100,
    "PhaseEncodingDirection": "j-",
    "PhaseEncodingSteps": 96,
    "PhaseResolution": 1,
    "PixelBandwidth": 2480,
    "ProcedureStepDescription": "Hasson_Nastase_042518_Storyteller",
    "ProtocolName": "func_task-black",
    "PulseSequenceDetails": "%SiemensSeq%_ep2d_bold",
    "ReceiveCoilActiveElements": "HC1-7;NC1",
    "ReceiveCoilName": "HeadNeck_64",
    "ReconMatrixPE": 96,
    "RepetitionTime": 1.5,
    "SAR": 0.0354454,
    "ScanOptions": "FS",
    "ScanningSequence": "EP",
    "SequenceName": "_epfid2d1_96",
    "SequenceVariant": "SK",
    "SeriesDescription": "func_task-black",
    "SeriesNumber": 11,
    "ShimSetting": [
      770,
      495,
      2102,
      685,
      -93,
      -72,
      110,
      4
    ],
    "SliceThickness": 2.5,
    "SliceTiming": [
      1.11,
      0,
      0.74,
      0.0925,
      0.8325,
      0.185,
      0.925,
      0.2775,
      1.0175,
      0.4625,
      1.2025,
      0.555,
      1.295,
      0.6475,
      1.3875,
      0.37,
      1.11,
      0,
      0.74,
      0.0925,
      0.8325,
      0.185,
      0.925,
      0.2775,
      1.0175,
      0.4625,
      1.2025,
      0.555,
      1.295,
      0.6475,
      1.3875,
      0.37,
      1.11,
      0,
      0.74,
      0.0925,
      0.8325,
      0.185,
      0.925,
      0.2775,
      1.0175,
      0.4625,
      1.2025,
      0.555,
      1.295,
      0.6475,
      1.3875,
      0.37
    ],
    "SoftwareVersions": "syngo_MR_E11",
    "SpacingBetweenSlices": 2.5,
    "StationName": "AWP66018",
    "TaskDescription": "Passively listened to audio story 'black'",
    "TaskName": "black",
    "TotalReadoutTime": 0.0484496,
    "TxRefAmp": 218.432,
    "dataset": "ds002345",
    "modality": "bold",
    "subject_id": "299",
    "task_id": "black"
  },
  "dummy_trs": 0,
  "dvars_nstd": 24.708151228542803,
  "dvars_std": 1.2692734613843353,
  "dvars_vstd": 1.0866678735701274,
  "efc": 0.4540335790049991,
  "fber": 3949.96923828125,
  "fd_mean": 0.09480752981199485,
  "fd_num": 20,
  "fd_perc": 3.6363636363636362,
  "fwhm_avg": 1.933332,
  "fwhm_x": 1.8232199999999998,
  "fwhm_y": 2.0914960000000002,
  "fwhm_z": 1.8852799999999998,
  "gcor": 0.0144597,
  "gsr_x": -0.02173687517642975,
  "gsr_y": 0.023618176579475403,
  "provenance": {
    "md5sum": "a2132a26bc4668ab00037d9d2aa49d73",
    "settings": {
      "fd_thres": 0.2,
      "testing": false
    },
    "software": "mriqc",
    "version": "22.0.0rc1",
    "webapi_port": null,
    "webapi_url": "https://mriqc.nimh.nih.gov/api/v1"
  },
  "size_t": 550,
  "size_x": 96,
  "size_y": 96,
  "size_z": 48,
  "snr": 6.624581506720714,
  "spacing_tr": 1.5,
  "spacing_x": 2.5,
  "spacing_y": 2.5,
  "spacing_z": 2.5,
  "summary_bg_k": 28.2254738317953,
  "summary_bg_mad": 6.59353719326596,
  "summary_bg_mean": 27.288341522216797,
  "summary_bg_median": 11.032727241516113,
  "summary_bg_n": 315422.0,
  "summary_bg_p05": 5.287272930145264,
  "summary_bg_p95": 105.23618431091313,
  "summary_bg_stdv": 50.318702697753906,
  "summary_fg_k": 2.967988103880832,
  "summary_fg_mad": 96.1278503298389,
  "summary_fg_mean": 699.8970947265625,
  "summary_fg_median": 699.082763671875,
  "summary_fg_n": 65428.0,
  "summary_fg_p05": 549.2589965820313,
  "summary_fg_p95": 864.1201812744139,
  "summary_fg_stdv": 105.52778625488281,
  "tsnr": 59.755981059977785
}