{
  "aor": 0.001127717948717949,
  "aqi": 0.009254256974358974,
  "bids_meta": {
    "AcquisitionMatrixPE": 96,
    "BandwidthPerPixelPhaseEncode": 20.425,
    "BaseResolution": 96,
    "BodyPartExamined": "BRAIN",
    "ConsistencyInfo": "N4_VE11C_LATEST_20160120",
    "ConversionSoftware": "dcm2niix",
    "ConversionSoftwareVersion": "v1.0.20180328 GCC6.3.0",
    "DerivedVendorReportedEchoSpacing": 0.000509996,
    "DeviceSerialNumber": "66018",
    "DwellTime": 2.1e-06,
    "EchoTime": 0.031,
    "EchoTrainLength": 96,
    "EffectiveEchoSpacing": 0.000509996,
    "FlipAngle": 67,
    "ImageOrientationPatientDICOM": [
      1,
      0,
      0,
      0,
      1,
      0
    ],
    "ImageType": [
      "ORIGINAL",
      "PRIMARY",
      "M",
      "ND",
      "NORM",
      "MOSAIC"
    ],
    "InPlanePhaseEncodingDirectionDICOM": "COL",
    "InstitutionAddress": "Washington Rd, Princeton, NJ 08540, USA",
    "InstitutionName": "Princeton University",
    "InstitutionalDepartmentName": "Princeton Neuroscience Institute",
    "MRAcquisitionType": "2D",
    "MagneticFieldStrength": 3,
    "Manufacturer": "Siemens",
    "ManufacturersModelName": "Prisma",
    "Modality": "MR",
    "MultibandAccelerationFactor": 3,
    "NumberOfVolumesDiscardedByScanner": 3,
    "PartialFourier": 1,
    "PatientPosition": "HFS",
    "PercentPhaseFOV": 100,
    "PhaseEncodingDirection": "j-",
    "PhaseEncodingSteps": 96,
    "PhaseResolution": 1,
    "PixelBandwidth": 2480,
    "ProcedureStepDescription": "Hasson_Nastase_042518_Storyteller",
    "ProtocolName": "func_task-bronx",
    "PulseSequenceDetails": "%SiemensSeq%_ep2d_bold",
    "ReceiveCoilActiveElements": "HC1-7;NC1",
    "ReceiveCoilName": "HeadNeck_64",
    "ReconMatrixPE": 96,
    "RepetitionTime": 1.5,
    "SAR": 0.0354264,
    "ScanOptions": "FS",
    "ScanningSequence": "EP",
    "SequenceName": "_epfid2d1_96",
    "SequenceVariant": "SK",
    "SeriesDescription": "func_task-bronx",
    "SeriesNumber": 9,
    "ShimSetting": [
      770,
      495,
      2102,
      685,
      -93,
      -72,
      110,
      4
    ],
    "SliceThickness": 2.5,
    "SliceTiming": [
      1.11,
      0,
      0.74,
      0.0925,
      0.8325,
      0.185,
      0.925,
      0.2775,
      1.0175,
      0.4625,
      1.2025,
      0.555,
      1.295,
      0.6475,
      1.3875,
      0.37,
      1.11,
      0,
      0.74,
      0.0925,
      0.8325,
      0.185,
      0.925,
      0.2775,
      1.0175,
      0.4625,
      1.2025,
      0.555,
      1.295,
      0.6475,
      1.3875,
      0.37,
      1.11,
      0,
      0.74,
      0.0925,
      0.8325,
      0.185,
      0.925,
      0.2775,
      1.0175,
      0.4625,
      1.2025,
      0.555,
      1.295,
      0.6475,
      1.3875,
      0.37
    ],
    "SoftwareVersions": "syngo_MR_E11",
    "SpacingBetweenSlices": 2.5,
    "StationName": "AWP66018",
    "TaskDescription": "Passively listened to audio story 'bronx'",
    "TaskName": "bronx",
    "TotalReadoutTime": 0.0484496,
    "TxRefAmp": 218.432,
    "dataset": "ds002345",
    "modality": "bold",
    "subject_id": "299",
    "task_id": "bronx"
  },
  "dummy_trs": 0,
  "dvars_nstd": 25.015907444524444,
  "dvars_std": 1.2184394045758355,
  "dvars_vstd": 1.0162317922879178,
  "efc": 0.4531073426145978,
  "fber": 4009.0986328125,
  "fd_mean": 0.09359206962878817,
  "fd_num": 11,
  "fd_perc": 2.8205128205128207,
  "fwhm_avg": 1.9444746666666666,
  "fwhm_x": 1.838264,
  "fwhm_y": 2.111836,
  "fwhm_z": 1.883324,
  "gcor": 0.0359756,
  "gsr_x": -0.021373210474848747,
  "gsr_y": 0.024594347923994064,
  "provenance": {
    "md5sum": "aa279a92ffa437822a1613ad8cc7550f",
    "settings": {
      "fd_thres": 0.2,
      "testing": false
    },
    "software": "mriqc",
    "version": "22.0.0rc1",
    "webapi_port": null,
    "webapi_url": "https://mriqc.nimh.nih.gov/api/v1"
  },
  "size_t": 390,
  "size_x": 96,
  "size_y": 96,
  "size_z": 48,
  "snr": 6.5577734667196825,
  "spacing_tr": 1.5,
  "spacing_x": 2.5,
  "spacing_y": 2.5,
  "spacing_z": 2.5,
  "summary_bg_k": 29.27526706624259,
  "summary_bg_mad": 6.565267283639189,
  "summary_bg_mean": 27.11256980895996,
  "summary_bg_median": 10.974359512329102,
  "summary_bg_n": 315314.0,
  "summary_bg_p05": 5.253846168518066,
  "summary_bg_p95": 103.5,
  "summary_bg_stdv": 50.800811767578125,
  "summary_fg_k": 3.1602478496890534,
  "summary_fg_mad": 96.98312467482216,
  "summary_fg_mean": 704.0408325195312,
  "summary_fg_median": 703.8859252929688,
  "summary_fg_n": 65600.0,
  "summary_fg_p05": 551.5123046875,
  "summary_fg_p95": 869.5641479492188,
  "summary_fg_stdv": 107.33529663085938,
  "tsnr": 64.4704837971367
}