{
  "aor": 0.0027816460905349797,
  "aqi": 0.03425923689986283,
  "bids_meta": {
    "CogAtlasID": "https://www.cognitiveatlas.org/task/id/trm_4c8991fadfe01",
    "DeviceSerialNumber": "45031",
    "DwellTime": 4.9e-06,
    "EchoTime": 0.028,
    "EffectiveEchoSpacing": 0.000355001,
    "FlipAngle": 64,
    "InstitutionAddress": "Washington Rd, Princeton, NJ 08540, USA",
    "InstitutionName": "Princeton University",
    "InstitutionalDepartmentName": "Princeton Neuroscience Institute",
    "MagneticFieldStrength": 3,
    "Manufacturer": "Siemens",
    "ManufacturersModelName": "Skyra",
    "NumberOfVolumesDiscardedByScanner": 3,
    "ParallelReductionFactorInPlane": 2,
    "ParallelReductionType": "GRAPPA",
    "PartialFourier": 1,
    "PhaseEncodingDirection": "j-",
    "PixelBandwidth": 1595,
    "PulseSequenceDetails": "%SiemensSeq%_ep2d_bold",
    "PulseSequenceType": "Gradient Echo EPI",
    "ReceiveCoilActiveElements": "HE1-4",
    "ReceiveCoilName": "HeadNeck_20",
    "RepetitionTime": 1.5,
    "ScanOptions": "FS",
    "ScanningSequence": "EP",
    "SequenceName": "_epfid2d1_64",
    "SequenceVariant": "SK",
    "SliceTiming": [
      0,
      0.7675,
      0.055,
      0.8225,
      0.1075,
      0.875,
      0.1625,
      0.93,
      0.2175,
      0.985,
      0.2725,
      1.04,
      0.3275,
      1.095,
      0.3825,
      1.15,
      0.4375,
      1.205,
      0.4925,
      1.26,
      0.5475,
      1.315,
      0.6025,
      1.37,
      0.6575,
      1.425,
      0.7125
    ],
    "SoftwareVersions": "syngo_MR_D13",
    "StationName": "AWP45031",
    "TaskDescription": "Passively listened to audio story 'sherlock'",
    "TaskName": "sherlock",
    "TotalReadoutTime": 0.022365,
    "dataset": "ds002345",
    "modality": "bold",
    "subject_id": "177",
    "task_id": "sherlock"
  },
  "dummy_trs": 0,
  "dvars_nstd": 26.845832054354364,
  "dvars_std": 1.0080269757967033,
  "dvars_vstd": 0.8994464277197807,
  "efc": 0.64084615246616,
  "fber": 1268.7421875,
  "fd_mean": 0.25064384027367,
  "fd_num": 188,
  "fd_perc": 25.78875171467764,
  "fwhm_avg": 1.7729505848046492,
  "fwhm_x": 1.76664,
  "fwhm_y": 2.0800566666666667,
  "fwhm_z": 1.472155087747281,
  "gcor": 0.0119682,
  "gsr_x": -0.010332481004297733,
  "gsr_y": 0.06404981017112732,
  "provenance": {
    "md5sum": "ff6ea74811d1e5bc0fe8e31cd9b26c8a",
    "settings": {
      "fd_thres": 0.2,
      "testing": false
    },
    "software": "mriqc",
    "version": "22.0.0rc1",
    "webapi_port": null,
    "webapi_url": "https://mriqc.nimh.nih.gov/api/v1"
  },
  "size_t": 729,
  "size_x": 64,
  "size_y": 64,
  "size_z": 27,
  "snr": 6.632708677423683,
  "spacing_tr": 1.5,
  "spacing_x": 3.0,
  "spacing_y": 3.0,
  "spacing_z": 3.999999761581421,
  "summary_bg_k": 19.69170485925827,
  "summary_bg_mad": 17.09364956429478,
  "summary_bg_mean": 55.736083984375,
  "summary_bg_median": 19.893003463745117,
  "summary_bg_n": 49392.0,
  "summary_bg_p05": 6.8491082191467285,
  "summary_bg_p95": 211.95377273559492,
  "summary_bg_stdv": 88.16559600830078,
  "summary_fg_k": 3.4144609258333887,
  "summary_fg_mad": 101.13724325049523,
  "summary_fg_mean": 777.0860595703125,
  "summary_fg_median": 765.6351318359375,
  "summary_fg_n": 32302.0,
  "summary_fg_p05": 625.3456268310547,
  "summary_fg_p95": 968.3701202392575,
  "summary_fg_stdv": 115.43146514892578,
  "tsnr": 35.19472705910448
}