{
  "bids_meta": {
    "DeviceSerialNumber": "45031",
    "DwellTime": 8.2e-06,
    "EchoTime": 0.00308,
    "FlipAngle": 9,
    "InstitutionAddress": "Washington Rd, Princeton, NJ 08540, USA",
    "InstitutionName": "Princeton University",
    "InstitutionalDepartmentName": "Princeton Neuroscience Institute",
    "InversionTime": 0.9,
    "MagneticFieldStrength": 3,
    "Manufacturer": "Siemens",
    "ManufacturersModelName": "Skyra",
    "ParallelReductionFactorInPlane": 2,
    "ParallelReductionType": "GRAPPA",
    "PartialFourier": 1,
    "PixelBandwidth": 240,
    "PulseSequenceDetails": "%SiemensSeq%_tfl",
    "PulseSequenceType": "MPRAGE",
    "ReceiveCoilActiveElements": "HE1-4",
    "ReceiveCoilName": "HeadNeck_20",
    "RepetitionTime": 2.3,
    "ScanOptions": "IR",
    "ScanningSequence": "GR_IR",
    "SequenceName": "_tfl3d1_16ns",
    "SequenceVariant": "SK_SP_MP",
    "SoftwareVersions": "syngo_MR_D13",
    "StationName": "AWP45031",
    "dataset": "ds002345",
    "modality": "T1w",
    "subject_id": "158"
  },
  "cjv": 0.46120179969363884,
  "cnr": 2.876806830048088,
  "efc": 0.6464941281386839,
  "fber": 1338.6156503642042,
  "fwhm_avg": 3.1292581558491475,
  "fwhm_x": 3.1599111948201704,
  "fwhm_y": 3.260218181818182,
  "fwhm_z": 2.967645090909091,
  "icvs_csf": 0.18946550594292094,
  "icvs_gm": 0.4297490258307547,
  "icvs_wm": 0.38078546822632436,
  "inu_med": 1.3895460367202759,
  "inu_range": 0.452256977558136,
  "provenance": {
    "md5sum": "5dc3acc22d713db91c85467ba9a2f693",
    "settings": {
      "testing": false
    },
    "software": "mriqc",
    "version": "22.0.0rc1",
    "warnings": {
      "large_rot_frame": true,
      "small_air_mask": false
    },
    "webapi_port": null,
    "webapi_url": "https://mriqc.nimh.nih.gov/api/v1"
  },
  "qi_1": 0.0,
  "qi_2": 0.0021973307317715448,
  "rpve_csf": 18.752411851624245,
  "rpve_gm": 9.015728277126453,
  "rpve_wm": 12.092867371411275,
  "size_x": 192,
  "size_y": 256,
  "size_z": 256,
  "snr_csf": 2.8702384022711325,
  "snr_gm": 8.727123578873352,
  "snr_total": 9.019297624445612,
  "snr_wm": 15.460530892192347,
  "snrd_csf": 20.69596752240572,
  "snrd_gm": 39.695240127727246,
  "snrd_total": 39.036913504829435,
  "snrd_wm": 56.71953286435534,
  "spacing_x": 0.8999999761581421,
  "spacing_y": 0.859375,
  "spacing_z": 0.859375,
  "summary_bg_k": 271.5096564226762,
  "summary_bg_mad": 11.550454148304196,
  "summary_bg_mean": 19.74293874712836,
  "summary_bg_median": 15.759737994521856,
  "summary_bg_n": 3820771.0,
  "summary_bg_p05": 2.616711214184761,
  "summary_bg_p95": 44.90038560703397,
  "summary_bg_stdv": 16.47286394094565,
  "summary_csf_k": 11.723004195150192,
  "summary_csf_mad": 124.58619627140328,
  "summary_csf_mean": 372.91916566197506,
  "summary_csf_median": 364.88253760524094,
  "summary_csf_n": 18182.0,
  "summary_csf_p05": 190.66309437900782,
  "summary_csf_p95": 571.3886289719493,
  "summary_csf_stdv": 127.12271670851932,
  "summary_gm_k": 0.11984975748174032,
  "summary_gm_mad": 77.14997999821506,
  "summary_gm_mean": 702.0624956794277,
  "summary_gm_median": 699.851308375597,
  "summary_gm_n": 26773.0,
  "summary_gm_p05": 571.8465534344316,
  "summary_gm_p95": 839.4528516523538,
  "summary_gm_stdv": 80.19116858304744,
  "summary_wm_k": 0.5831902634894099,
  "summary_wm_mad": 61.279126970010815,
  "summary_wm_mean": 1000.2182610339355,
  "summary_wm_median": 999.9999787844718,
  "summary_wm_n": 353831.0,
  "summary_wm_p05": 894.7368231229484,
  "summary_wm_p95": 1106.0957243777812,
  "summary_wm_stdv": 64.68073914489652,
  "tpm_overlap_csf": 0.17540234327316284,
  "tpm_overlap_gm": 0.43417888879776,
  "tpm_overlap_wm": 0.49938535690307617,
  "wm2max": 0.5172327160720323
}