{
  "aor": 0.0022636820925553323,
  "aqi": 0.014439181046277666,
  "bids_meta": {
    "CogAtlasID": "https://www.cognitiveatlas.org/task/id/trm_4c8991fadfe01",
    "DeviceSerialNumber": "66018",
    "DwellTime": 4.2e-06,
    "EchoTime": 0.039,
    "EffectiveEchoSpacing": 0.000929976,
    "FlipAngle": 50,
    "InstitutionAddress": "Washington Rd, Princeton, NJ 08540, USA",
    "InstitutionName": "Princeton University",
    "InstitutionalDepartmentName": "Princeton Neuroscience Institute",
    "MagneticFieldStrength": 3,
    "Manufacturer": "Siemens",
    "ManufacturersModelName": "Prisma",
    "NumberOfVolumesDiscardedByScanner": 3,
    "ParallelReductionType": "GRAPPA",
    "PartialFourier": 0.75,
    "PhaseEncodingDirection": "j-",
    "PixelBandwidth": 1240,
    "PulseSequenceDetails": "%CustomerSeq%_ep2d_bold_sms_mgh_v22",
    "PulseSequenceType": "Gradient Echo EPI",
    "ReceiveCoilActiveElements": "HC1-7;NC1,2",
    "ReceiveCoilName": "HeadNeck_64",
    "RepetitionTime": 1.5,
    "ScanOptions": "PFP_FS",
    "ScanningSequence": "EP",
    "SequenceName": "epfSM2d1_96",
    "SequenceVariant": "SK",
    "SliceTiming": [
      0.6925,
      0,
      0.79,
      0.1,
      0.8875,
      0.1975,
      0.9875,
      0.2975,
      1.085,
      0.395,
      1.185,
      0.495,
      1.2825,
      0.5925,
      1.3825,
      0.6925,
      0,
      0.79,
      0.1,
      0.8875,
      0.1975,
      0.9875,
      0.2975,
      1.085,
      0.395,
      1.185,
      0.495,
      1.2825,
      0.5925,
      1.3825,
      0.6925,
      0,
      0.79,
      0.1,
      0.8875,
      0.1975,
      0.9875,
      0.2975,
      1.085,
      0.395,
      1.185,
      0.495,
      1.2825,
      0.5925,
      1.3825,
      0.6925,
      0,
      0.79,
      0.1,
      0.8875,
      0.1975,
      0.9875,
      0.2975,
      1.085,
      0.395,
      1.185,
      0.495,
      1.2825,
      0.5925,
      1.3825
    ],
    "SoftwareVersions": "syngo_MR_D13D",
    "StationName": "AWP66018",
    "TaskDescription": "Passively listened to audio story 'schema'",
    "TaskName": "schema",
    "TotalReadoutTime": 0.0883478,
    "dataset": "ds002345",
    "modality": "bold",
    "run_id": 4,
    "subject_id": "193",
    "task_id": "schema"
  },
  "dummy_trs": 0,
  "dvars_nstd": 39.14929466877014,
  "dvars_std": 1.1010061719556454,
  "dvars_vstd": 1.0160206408266133,
  "efc": 0.6207370413325102,
  "fber": 208.70863342285156,
  "fd_mean": 0.16362607375402177,
  "fd_num": 91,
  "fd_perc": 18.309859154929576,
  "fwhm_avg": 3.077625,
  "fwhm_x": 2.73326,
  "fwhm_y": 3.39833,
  "fwhm_z": 3.101285,
  "gcor": 0.0110211,
  "gsr_x": -0.003340590512380004,
  "gsr_y": 0.07866372168064117,
  "provenance": {
    "md5sum": "f44e2c1b2d27d074ca1111bf27b14efe",
    "settings": {
      "fd_thres": 0.2,
      "testing": false
    },
    "software": "mriqc",
    "version": "22.0.0rc1",
    "webapi_port": null,
    "webapi_url": "https://mriqc.nimh.nih.gov/api/v1"
  },
  "size_t": 497,
  "size_x": 96,
  "size_y": 96,
  "size_z": 60,
  "snr": 2.4092347477767935,
  "spacing_tr": 1.5,
  "spacing_x": 2.0,
  "spacing_y": 2.0,
  "spacing_z": 2.0,
  "summary_bg_k": 58.552169594296736,
  "summary_bg_mad": 12.448488003021012,
  "summary_bg_mean": 60.505409240722656,
  "summary_bg_median": 29.394365310668945,
  "summary_bg_n": 312317.0,
  "summary_bg_p05": 18.643861770629883,
  "summary_bg_p95": 214.9851074218752,
  "summary_bg_stdv": 87.45372009277344,
  "summary_fg_k": 1.2327777069237413,
  "summary_fg_mad": 169.62371083095482,
  "summary_fg_mean": 472.7391357421875,
  "summary_fg_median": 443.73138427734375,
  "summary_fg_n": 149200.0,
  "summary_fg_p05": 230.48680725097657,
  "summary_fg_p95": 811.3279418945312,
  "summary_fg_stdv": 184.17877197265625,
  "tsnr": 30.501469648210332
}