{
  "aor": 0.0051170858283433145,
  "aqi": 0.01598726015968064,
  "bids_meta": {
    "CogAtlasID": "https://www.cognitiveatlas.org/task/id/trm_4c8991fadfe01",
    "DeviceSerialNumber": "66018",
    "DwellTime": 4.2e-06,
    "EchoTime": 0.039,
    "EffectiveEchoSpacing": 0.000929976,
    "FlipAngle": 50,
    "InstitutionAddress": "Washington Rd, Princeton, NJ 08540, USA",
    "InstitutionName": "Princeton University",
    "InstitutionalDepartmentName": "Princeton Neuroscience Institute",
    "MagneticFieldStrength": 3,
    "Manufacturer": "Siemens",
    "ManufacturersModelName": "Prisma",
    "NumberOfVolumesDiscardedByScanner": 3,
    "ParallelReductionType": "GRAPPA",
    "PartialFourier": 0.75,
    "PhaseEncodingDirection": "j-",
    "PixelBandwidth": 1240,
    "PulseSequenceDetails": "%CustomerSeq%_ep2d_bold_sms_mgh_v22",
    "PulseSequenceType": "Gradient Echo EPI",
    "ReceiveCoilActiveElements": "HC1-7;NC1,2",
    "ReceiveCoilName": "HeadNeck_64",
    "RepetitionTime": 1.5,
    "ScanOptions": "PFP_FS",
    "ScanningSequence": "EP",
    "SequenceName": "epfSM2d1_96",
    "SequenceVariant": "SK",
    "SliceTiming": [
      0.6925,
      0,
      0.79,
      0.1,
      0.8875,
      0.1975,
      0.9875,
      0.2975,
      1.085,
      0.395,
      1.185,
      0.495,
      1.2825,
      0.5925,
      1.3825,
      0.6925,
      0,
      0.79,
      0.1,
      0.8875,
      0.1975,
      0.9875,
      0.2975,
      1.085,
      0.395,
      1.185,
      0.495,
      1.2825,
      0.5925,
      1.3825,
      0.6925,
      0,
      0.79,
      0.1,
      0.8875,
      0.1975,
      0.9875,
      0.2975,
      1.085,
      0.395,
      1.185,
      0.495,
      1.2825,
      0.5925,
      1.3825,
      0.6925,
      0,
      0.79,
      0.1,
      0.8875,
      0.1975,
      0.9875,
      0.2975,
      1.085,
      0.395,
      1.185,
      0.495,
      1.2825,
      0.5925,
      1.3825
    ],
    "SoftwareVersions": "syngo_MR_D13D",
    "StationName": "AWP66018",
    "TaskDescription": "Passively listened to audio story 'schema'",
    "TaskName": "schema",
    "TotalReadoutTime": 0.0883478,
    "dataset": "ds002345",
    "modality": "bold",
    "run_id": 3,
    "subject_id": "193",
    "task_id": "schema"
  },
  "dummy_trs": 1,
  "dvars_nstd": 51.1126240691,
  "dvars_std": 1.3304237325200003,
  "dvars_vstd": 1.0262380810600014,
  "efc": 0.6217351731599317,
  "fber": 213.810302734375,
  "fd_mean": 0.1677556535758377,
  "fd_num": 83,
  "fd_perc": 16.56686626746507,
  "fwhm_avg": 3.0842333333333336,
  "fwhm_x": 2.820785,
  "fwhm_y": 3.390835,
  "fwhm_z": 3.04108,
  "gcor": 0.0144337,
  "gsr_x": 0.013213928788900375,
  "gsr_y": 0.06458514928817749,
  "provenance": {
    "md5sum": "99c1caf7d240206901a1b7142926e8a3",
    "settings": {
      "fd_thres": 0.2,
      "testing": false
    },
    "software": "mriqc",
    "version": "22.0.0rc1",
    "webapi_port": null,
    "webapi_url": "https://mriqc.nimh.nih.gov/api/v1"
  },
  "size_t": 501,
  "size_x": 96,
  "size_y": 96,
  "size_z": 60,
  "snr": 2.413419180019896,
  "spacing_tr": 1.5,
  "spacing_x": 2.0,
  "spacing_y": 2.0,
  "spacing_z": 2.0,
  "summary_bg_k": 18.756280350789353,
  "summary_bg_mad": 11.80459181895518,
  "summary_bg_mean": 60.02649688720703,
  "summary_bg_median": 29.3013973236084,
  "summary_bg_n": 313911.0,
  "summary_bg_p05": 19.860279083251953,
  "summary_bg_p95": 218.48004150390625,
  "summary_bg_stdv": 76.68565368652344,
  "summary_fg_k": 1.8344450169738247,
  "summary_fg_mad": 168.658580584283,
  "summary_fg_mean": 474.98431396484375,
  "summary_fg_median": 444.3133850097656,
  "summary_fg_n": 148119.0,
  "summary_fg_p05": 235.9862258911133,
  "summary_fg_p95": 812.4642700195313,
  "summary_fg_stdv": 184.1005859375,
  "tsnr": 27.964372029528022
}