{
  "aor": 0.0016559064327485381,
  "aqi": 0.014527650253411305,
  "bids_meta": {
    "CogAtlasID": "https://www.cognitiveatlas.org/task/id/trm_4c8991fadfe01",
    "DeviceSerialNumber": "66018",
    "DwellTime": 4.2e-06,
    "EchoTime": 0.039,
    "EffectiveEchoSpacing": 0.000929976,
    "FlipAngle": 50,
    "InstitutionAddress": "Washington Rd, Princeton, NJ 08540, USA",
    "InstitutionName": "Princeton University",
    "InstitutionalDepartmentName": "Princeton Neuroscience Institute",
    "MagneticFieldStrength": 3,
    "Manufacturer": "Siemens",
    "ManufacturersModelName": "Prisma",
    "NumberOfVolumesDiscardedByScanner": 3,
    "ParallelReductionType": "GRAPPA",
    "PartialFourier": 0.75,
    "PhaseEncodingDirection": "j-",
    "PixelBandwidth": 1240,
    "PulseSequenceDetails": "%CustomerSeq%_ep2d_bold_sms_mgh_v22",
    "PulseSequenceType": "Gradient Echo EPI",
    "ReceiveCoilActiveElements": "HC1-7;NC1,2",
    "ReceiveCoilName": "HeadNeck_64",
    "RepetitionTime": 1.5,
    "ScanOptions": "PFP_FS",
    "ScanningSequence": "EP",
    "SequenceName": "epfSM2d1_96",
    "SequenceVariant": "SK",
    "SliceTiming": [
      0.6925,
      0,
      0.79,
      0.1,
      0.8875,
      0.1975,
      0.9875,
      0.2975,
      1.085,
      0.395,
      1.185,
      0.495,
      1.2825,
      0.5925,
      1.3825,
      0.6925,
      0,
      0.79,
      0.1,
      0.8875,
      0.1975,
      0.9875,
      0.2975,
      1.085,
      0.395,
      1.185,
      0.495,
      1.2825,
      0.5925,
      1.3825,
      0.6925,
      0,
      0.79,
      0.1,
      0.8875,
      0.1975,
      0.9875,
      0.2975,
      1.085,
      0.395,
      1.185,
      0.495,
      1.2825,
      0.5925,
      1.3825,
      0.6925,
      0,
      0.79,
      0.1,
      0.8875,
      0.1975,
      0.9875,
      0.2975,
      1.085,
      0.395,
      1.185,
      0.495,
      1.2825,
      0.5925,
      1.3825
    ],
    "SoftwareVersions": "syngo_MR_D13D",
    "StationName": "AWP66018",
    "TaskDescription": "Passively listened to audio story 'schema'",
    "TaskName": "schema",
    "TotalReadoutTime": 0.0883478,
    "dataset": "ds002345",
    "modality": "bold",
    "run_id": 2,
    "subject_id": "193",
    "task_id": "schema"
  },
  "dummy_trs": 2,
  "dvars_nstd": 49.318777799531254,
  "dvars_std": 1.2622442894335935,
  "dvars_vstd": 1.0006182664843755,
  "efc": 0.6214813695892873,
  "fber": 217.49021911621094,
  "fd_mean": 0.15032831173415498,
  "fd_num": 77,
  "fd_perc": 15.009746588693957,
  "fwhm_avg": 3.113638333333333,
  "fwhm_x": 2.78721,
  "fwhm_y": 3.458065,
  "fwhm_z": 3.09564,
  "gcor": 0.0157808,
  "gsr_x": 0.00013257929822430015,
  "gsr_y": 0.07332660257816315,
  "provenance": {
    "md5sum": "a90658b9963355c78a6823df296b0f59",
    "settings": {
      "fd_thres": 0.2,
      "testing": false
    },
    "software": "mriqc",
    "version": "22.0.0rc1",
    "webapi_port": null,
    "webapi_url": "https://mriqc.nimh.nih.gov/api/v1"
  },
  "size_t": 513,
  "size_x": 96,
  "size_y": 96,
  "size_z": 60,
  "snr": 2.3357102450126352,
  "spacing_tr": 1.5,
  "spacing_x": 2.0,
  "spacing_y": 2.0,
  "spacing_z": 2.0,
  "summary_bg_k": 27.337674700320193,
  "summary_bg_mad": 10.071870040923894,
  "summary_bg_mean": 56.34658432006836,
  "summary_bg_median": 28.421052932739258,
  "summary_bg_n": 307157.0,
  "summary_bg_p05": 20.304094314575195,
  "summary_bg_p95": 197.0764099121094,
  "summary_bg_stdv": 71.70498657226562,
  "summary_fg_k": 2.111292780103831,
  "summary_fg_mad": 169.5614304978929,
  "summary_fg_mean": 469.05841064453125,
  "summary_fg_median": 439.09942626953125,
  "summary_fg_n": 152540.0,
  "summary_fg_p05": 223.17544555664062,
  "summary_fg_p95": 809.2481445312499,
  "summary_fg_stdv": 187.99334716796875,
  "tsnr": 30.006863943999633
}