{
  "bids_meta": {
    "AcquisitionMatrixPE": 256,
    "BaseResolution": 256,
    "BodyPartExamined": "BRAIN",
    "ConsistencyInfo": "N4_VE11C_LATEST_20160120",
    "ConversionSoftware": "dcm2niix",
    "ConversionSoftwareVersion": "v1.0.20180328 GCC6.3.0",
    "DeviceSerialNumber": "66018",
    "DwellTime": 9.8e-06,
    "EchoTime": 0.0033,
    "FlipAngle": 7,
    "ImageOrientationPatientDICOM": [
      0,
      1,
      0,
      0,
      0,
      -1
    ],
    "ImageType": [
      "ORIGINAL",
      "PRIMARY",
      "M",
      "ND",
      "NORM"
    ],
    "InPlanePhaseEncodingDirectionDICOM": "ROW",
    "InstitutionAddress": "Washington Rd, Princeton, NJ 08540, USA",
    "InstitutionName": "Princeton University",
    "InstitutionalDepartmentName": "Princeton Neuroscience Institute",
    "InversionTime": 1.1,
    "MRAcquisitionType": "3D",
    "MagneticFieldStrength": 3,
    "Manufacturer": "Siemens",
    "ManufacturersModelName": "Prisma",
    "Modality": "MR",
    "ParallelReductionFactorInPlane": 2,
    "ParallelReductionType": "GRAPPA",
    "PartialFourier": 1,
    "PatientPosition": "HFS",
    "PercentPhaseFOV": 100,
    "PhaseEncodingSteps": 255,
    "PhaseResolution": 1,
    "PixelBandwidth": 200,
    "ProcedureStepDescription": "Hasson_Nastase_042518_Storyteller",
    "ProtocolName": "anat-T1w",
    "PulseSequenceDetails": "%SiemensSeq%_tfl",
    "ReceiveCoilActiveElements": "HC1-7;NC1",
    "ReceiveCoilName": "HeadNeck_64",
    "ReconMatrixPE": 256,
    "RepetitionTime": 2.53,
    "SAR": 0.044411,
    "ScanOptions": "IR",
    "ScanningSequence": "GR_IR",
    "SequenceName": "_tfl3d1_16ns",
    "SequenceVariant": "SK_SP_MP",
    "SeriesDescription": "anat-T1w",
    "SeriesNumber": 3,
    "ShimSetting": [
      763,
      502,
      1986,
      429,
      -29,
      -317,
      191,
      25
    ],
    "SliceThickness": 1,
    "SoftwareVersions": "syngo_MR_E11",
    "StationName": "AWP66018",
    "TxRefAmp": 253.447,
    "dataset": "ds002345",
    "modality": "T1w",
    "subject_id": "273"
  },
  "cjv": 0.40118623677244203,
  "cnr": 3.2792122404458506,
  "efc": 0.5511490288213214,
  "fber": 5639.254829749384,
  "fwhm_avg": 3.3845566666666667,
  "fwhm_x": 3.42268,
  "fwhm_y": 3.57144,
  "fwhm_z": 3.15955,
  "icvs_csf": 0.1787880504764527,
  "icvs_gm": 0.4498574371094071,
  "icvs_wm": 0.37135451241414025,
  "inu_med": 1.260034203529358,
  "inu_range": 0.5759957909584046,
  "provenance": {
    "md5sum": "5eea7e71f62a834b015fe3fba7c7a5f1",
    "settings": {
      "testing": false
    },
    "software": "mriqc",
    "version": "22.0.0rc1",
    "warnings": {
      "large_rot_frame": true,
      "small_air_mask": false
    },
    "webapi_port": null,
    "webapi_url": "https://mriqc.nimh.nih.gov/api/v1"
  },
  "qi_1": 0.0,
  "qi_2": 0.0010519609591328803,
  "rpve_csf": 27.337556623788682,
  "rpve_gm": 12.360597221406524,
  "rpve_wm": 17.836236315402722,
  "size_x": 176,
  "size_y": 256,
  "size_z": 256,
  "snr_csf": 2.5620092106657637,
  "snr_gm": 9.62309276368899,
  "snr_total": 9.775741703674646,
  "snr_wm": 17.142123136669184,
  "snrd_csf": 46.32006296837071,
  "snrd_gm": 82.29768052469836,
  "snrd_total": 82.36137533862934,
  "snrd_wm": 118.46638252281895,
  "spacing_x": 1.0,
  "spacing_y": 1.0,
  "spacing_z": 1.0,
  "summary_bg_k": 9.000679452259668,
  "summary_bg_mad": 5.530145926193433,
  "summary_bg_mean": 9.46321503351834,
  "summary_bg_median": 7.6616765558719635,
  "summary_bg_n": 4132195.0,
  "summary_bg_p05": 1.4617672376334667,
  "summary_bg_p95": 23.035435434430838,
  "summary_bg_stdv": 7.356159279784029,
  "summary_csf_k": -0.5222403908928785,
  "summary_csf_mad": 180.7012547234557,
  "summary_csf_mean": 368.3721500634259,
  "summary_csf_median": 390.9975331835449,
  "summary_csf_n": 5036.0,
  "summary_csf_p05": 129.79484954848886,
  "summary_csf_p95": 580.145173156634,
  "summary_csf_stdv": 152.59847988879238,
  "summary_gm_k": 0.2643088785641101,
  "summary_gm_mad": 69.05209237571259,
  "summary_gm_mean": 695.674003448678,
  "summary_gm_median": 694.6922782436013,
  "summary_gm_n": 22905.0,
  "summary_gm_p05": 579.1219360902905,
  "summary_gm_p95": 817.974702719599,
  "summary_gm_stdv": 72.1885500321377,
  "summary_wm_k": 0.6883663934378337,
  "summary_wm_mad": 53.43316671930141,
  "summary_wm_mean": 996.039208302107,
  "summary_wm_median": 1000.0000078417361,
  "summary_wm_n": 201101.0,
  "summary_wm_p05": 891.0731457546353,
  "summary_wm_p95": 1083.976015355438,
  "summary_wm_stdv": 58.335686516371815,
  "tpm_overlap_csf": 0.1540825515985489,
  "tpm_overlap_gm": 0.43965816497802734,
  "tpm_overlap_wm": 0.48699522018432617,
  "wm2max": 0.5537752965806001
}