{
  "aor": 0.002030223642172524,
  "aqi": 0.004749442204472844,
  "bids_meta": {
    "CogAtlasID": "https://www.cognitiveatlas.org/task/id/trm_4c8991fadfe01",
    "DeviceSerialNumber": "66018",
    "DwellTime": 4.2e-06,
    "EchoTime": 0.039,
    "EffectiveEchoSpacing": 0.000929976,
    "FlipAngle": 50,
    "InstitutionAddress": "Washington Rd, Princeton, NJ 08540, USA",
    "InstitutionName": "Princeton University",
    "InstitutionalDepartmentName": "Princeton Neuroscience Institute",
    "MagneticFieldStrength": 3,
    "Manufacturer": "Siemens",
    "ManufacturersModelName": "Prisma",
    "NumberOfVolumesDiscardedByScanner": 3,
    "ParallelReductionType": "GRAPPA",
    "PartialFourier": 0.75,
    "PhaseEncodingDirection": "j-",
    "PixelBandwidth": 1240,
    "PulseSequenceDetails": "%CustomerSeq%_ep2d_bold_sms_mgh_v22",
    "PulseSequenceType": "Gradient Echo EPI",
    "ReceiveCoilActiveElements": "HC1-7;NC1,2",
    "ReceiveCoilName": "HeadNeck_64",
    "RepetitionTime": 1.5,
    "ScanOptions": "PFP_FS",
    "ScanningSequence": "EP",
    "SequenceName": "epfSM2d1_96",
    "SequenceVariant": "SK",
    "SliceTiming": [
      0.6925,
      0,
      0.79,
      0.1,
      0.8875,
      0.1975,
      0.9875,
      0.2975,
      1.085,
      0.395,
      1.185,
      0.495,
      1.2825,
      0.5925,
      1.3825,
      0.6925,
      0,
      0.79,
      0.1,
      0.8875,
      0.1975,
      0.9875,
      0.2975,
      1.085,
      0.395,
      1.185,
      0.495,
      1.2825,
      0.5925,
      1.3825,
      0.6925,
      0,
      0.79,
      0.1,
      0.8875,
      0.1975,
      0.9875,
      0.2975,
      1.085,
      0.395,
      1.185,
      0.495,
      1.2825,
      0.5925,
      1.3825,
      0.6925,
      0,
      0.79,
      0.1,
      0.8875,
      0.1975,
      0.9875,
      0.2975,
      1.085,
      0.395,
      1.185,
      0.495,
      1.2825,
      0.5925,
      1.3825
    ],
    "SoftwareVersions": "syngo_MR_D13D",
    "StationName": "AWP66018",
    "TaskDescription": "Passively listened to audio story 'shapessocial'",
    "TaskName": "shapessocial",
    "TotalReadoutTime": 0.0883478,
    "dataset": "ds002345",
    "modality": "bold",
    "subject_id": "230",
    "task_id": "shapessocial"
  },
  "dummy_trs": 1,
  "dvars_nstd": 33.26777634259611,
  "dvars_std": 1.0998492734935899,
  "dvars_vstd": 1.0109759572756418,
  "efc": 0.5677293387927483,
  "fber": 371.9753112792969,
  "fd_mean": 0.11865938110911015,
  "fd_num": 18,
  "fd_perc": 5.7507987220447285,
  "fwhm_avg": 2.79969,
  "fwhm_x": 2.64738,
  "fwhm_y": 2.924625,
  "fwhm_z": 2.827065,
  "gcor": 0.00328157,
  "gsr_x": -0.0032903619576245546,
  "gsr_y": 0.04785631224513054,
  "provenance": {
    "md5sum": "25692fdc117ecb950195994a3728fd67",
    "settings": {
      "fd_thres": 0.2,
      "testing": false
    },
    "software": "mriqc",
    "version": "22.0.0rc1",
    "webapi_port": null,
    "webapi_url": "https://mriqc.nimh.nih.gov/api/v1"
  },
  "size_t": 313,
  "size_x": 96,
  "size_y": 96,
  "size_z": 60,
  "snr": 2.1639274685106042,
  "spacing_tr": 1.5,
  "spacing_x": 2.0,
  "spacing_y": 2.0,
  "spacing_z": 2.0,
  "summary_bg_k": 71.42084224150757,
  "summary_bg_mad": 6.659866992226203,
  "summary_bg_mean": 40.60523223876953,
  "summary_bg_median": 25.24920082092285,
  "summary_bg_n": 320924.0,
  "summary_bg_p05": 19.507986068725586,
  "summary_bg_p95": 110.69185218811013,
  "summary_bg_stdv": 49.458900451660156,
  "summary_fg_k": 3.9156429923830958,
  "summary_fg_mad": 193.76617406246686,
  "summary_fg_mean": 541.8873291015625,
  "summary_fg_median": 502.408935546875,
  "summary_fg_n": 144083.0,
  "summary_fg_p05": 258.9393005371094,
  "summary_fg_p95": 969.2849609374997,
  "summary_fg_stdv": 232.17376708984375,
  "tsnr": 42.00261706020683
}