{
  "bids_meta": {
    "DeviceSerialNumber": "66018",
    "DwellTime": 9.8e-06,
    "EchoTime": 0.00267,
    "FlipAngle": 7,
    "InstitutionAddress": "Washington Rd, Building 25, Princeton, NJ 08540, USA",
    "InstitutionName": "Princeton University",
    "InstitutionalDepartmentName": "Princeton Neuroscience Institute",
    "InversionTime": 1.2,
    "MagneticFieldStrength": 3,
    "Manufacturer": "Siemens",
    "ManufacturersModelName": "Prisma",
    "ParallelReductionFactorInPlane": 2,
    "ParellelReductionType": "TODO",
    "PartialFourier": 1,
    "PixelBandwidth": 200,
    "PulseSequenceDetails": "%SiemensSeq%_tfl",
    "PulseSequenceType": "MPRAGE",
    "ReceiveCoilActiveElements": "HC1-7;NC1",
    "ReceiveCoilName": "HeadNeck_64",
    "RepetitionTime": 2.53,
    "ScanOptions": "IR",
    "ScanningSequence": "GR_IR",
    "SequenceName": "_tfl3d1_16",
    "SequenceVariant": "SK_SP_MP",
    "SoftwareVersions": "syngo_MR_D13D",
    "StationName": "AWP66018",
    "dataset": "ds002345",
    "modality": "T1w",
    "subject_id": "230"
  },
  "cjv": 0.3523253813700316,
  "cnr": 3.5084200751172423,
  "efc": 0.5667495048645268,
  "fber": 413.02958258133185,
  "fwhm_avg": 3.684113333333334,
  "fwhm_x": 3.53969,
  "fwhm_y": 3.7187,
  "fwhm_z": 3.79395,
  "icvs_csf": 0.17871969609128738,
  "icvs_gm": 0.4344938899095948,
  "icvs_wm": 0.38678641399911784,
  "inu_med": 1.3448328971862793,
  "inu_range": 0.5902513921260835,
  "provenance": {
    "md5sum": "f24f6136eae5e5243ecc8e0c735b3666",
    "settings": {
      "testing": false
    },
    "software": "mriqc",
    "version": "22.0.0rc1",
    "warnings": {
      "large_rot_frame": true,
      "small_air_mask": false
    },
    "webapi_port": null,
    "webapi_url": "https://mriqc.nimh.nih.gov/api/v1"
  },
  "qi_1": 5.225930019571108e-06,
  "qi_2": 0.0027423731552698406,
  "rpve_csf": 31.996188364598982,
  "rpve_gm": 14.488732865773034,
  "rpve_wm": 19.386010437194983,
  "size_x": 176,
  "size_y": 256,
  "size_z": 256,
  "snr_csf": 1.9143160592429276,
  "snr_gm": 10.381898446980966,
  "snr_total": 11.066780625179485,
  "snr_wm": 20.904127369314565,
  "snrd_csf": 7.907375913668519,
  "snrd_gm": 23.864576792391496,
  "snrd_total": 21.923264323390356,
  "snrd_wm": 33.99784026411106,
  "spacing_x": 1.0,
  "spacing_y": 1.0,
  "spacing_z": 1.0,
  "summary_bg_k": 3.054393179083095,
  "summary_bg_mad": 19.269940981272825,
  "summary_bg_mean": 35.043655429169796,
  "summary_bg_median": 33.00649857893586,
  "summary_bg_n": 3223592.0,
  "summary_bg_p05": 8.208870112895966,
  "summary_bg_p95": 68.12222072854638,
  "summary_bg_stdv": 18.91328810897402,
  "summary_csf_k": -0.435110782562262,
  "summary_csf_mad": 107.50598652710103,
  "summary_csf_mean": 273.9609848011775,
  "summary_csf_median": 232.58465319871902,
  "summary_csf_n": 5023.0,
  "summary_csf_p05": 128.3776075989008,
  "summary_csf_p95": 503.4203608818352,
  "summary_csf_stdv": 121.48542502015304,
  "summary_gm_k": 0.32617920810315093,
  "summary_gm_mad": 64.27539524674555,
  "summary_gm_mean": 701.6544616310886,
  "summary_gm_median": 701.943903716281,
  "summary_gm_n": 16694.0,
  "summary_gm_p05": 589.2144547700882,
  "summary_gm_p95": 813.0201774314046,
  "summary_gm_stdv": 67.6102625303112,
  "summary_wm_k": 3.986122684126844,
  "summary_wm_mad": 40.7373313726908,
  "summary_wm_mean": 1003.043675214954,
  "summary_wm_median": 999.9999966695905,
  "summary_wm_n": 176388.0,
  "summary_wm_p05": 933.3029270023108,
  "summary_wm_p95": 1080.3785165250301,
  "summary_wm_stdv": 47.8373071661215,
  "tpm_overlap_csf": 0.17171651124954224,
  "tpm_overlap_gm": 0.4383520483970642,
  "tpm_overlap_wm": 0.5002031326293945,
  "wm2max": 0.4035457830190055
}