{
  "aor": 0.0033922736842105267,
  "aqi": 0.0082354176,
  "bids_meta": {
    "CogAtlasID": "https://www.cognitiveatlas.org/task/id/trm_4c8991fadfe01",
    "DeviceSerialNumber": "45031",
    "DwellTime": 5.4e-06,
    "EchoTime": 0.028,
    "EffectiveEchoSpacing": 0.000390001,
    "FlipAngle": 64,
    "InstitutionAddress": "Washington Rd, Princeton, NJ 08540, USA",
    "InstitutionName": "Princeton University",
    "InstitutionalDepartmentName": "Princeton Neuroscience Institute",
    "MagneticFieldStrength": 3,
    "Manufacturer": "Siemens",
    "ManufacturersModelName": "Skyra",
    "NumberOfVolumesDiscardedByScanner": 3,
    "ParallelReductionFactorInPlane": 2,
    "ParallelReductionType": "GRAPPA",
    "PartialFourier": 1,
    "PhaseEncodingDirection": "j-",
    "PixelBandwidth": 1445,
    "PulseSequenceDetails": "%SiemensSeq%_ep2d_bold",
    "PulseSequenceType": "Gradient Echo EPI",
    "ReceiveCoilActiveElements": "HE1-4",
    "ReceiveCoilName": "HeadNeck_20",
    "RepetitionTime": 1.5,
    "ScanOptions": "FS",
    "ScanningSequence": "EP",
    "SequenceName": "_epfid2d1_64",
    "SequenceVariant": "SK",
    "SliceTiming": [
      0,
      0.7775,
      0.055,
      0.8325,
      0.11,
      0.8875,
      0.165,
      0.9425,
      0.22,
      0.9975,
      0.2775,
      1.055,
      0.3325,
      1.11,
      0.3875,
      1.165,
      0.4425,
      1.22,
      0.5,
      1.2775,
      0.555,
      1.3325,
      0.61,
      1.3875,
      0.665,
      1.4425,
      0.72
    ],
    "SoftwareVersions": "syngo_MR_D11",
    "StationName": "AWP45031",
    "TaskDescription": "Passively listened to audio story 'prettymouth'",
    "TaskName": "prettymouth",
    "TotalReadoutTime": 0.0245701,
    "dataset": "ds002345",
    "modality": "bold",
    "subject_id": "085",
    "task_id": "prettymouth"
  },
  "dummy_trs": 0,
  "dvars_nstd": 19.21569575550634,
  "dvars_std": 1.2505416585443025,
  "dvars_vstd": 1.0287321100843874,
  "efc": 0.5386152482414954,
  "fber": 2377.7275390625,
  "fd_mean": 0.09809179004278246,
  "fd_num": 19,
  "fd_perc": 4.0,
  "fwhm_avg": 1.7745328091611154,
  "fwhm_x": 1.7151266666666667,
  "fwhm_y": 2.028896666666667,
  "fwhm_z": 1.5795750941500124,
  "gcor": 0.0569534,
  "gsr_x": -0.006652473006397486,
  "gsr_y": 0.03442877158522606,
  "provenance": {
    "md5sum": "d818b0659f4402dac882e64bf7ce458c",
    "settings": {
      "fd_thres": 0.2,
      "testing": false
    },
    "software": "mriqc",
    "version": "21.0.0rc2",
    "webapi_port": null,
    "webapi_url": "https://mriqc.nimh.nih.gov/api/v1"
  },
  "size_t": 475,
  "size_x": 64,
  "size_y": 64,
  "size_z": 27,
  "snr": 7.580283269916921,
  "spacing_tr": 1.5,
  "spacing_x": 3.0,
  "spacing_y": 3.0,
  "spacing_z": 3.999999761581421,
  "summary_bg_k": 19.102518003113342,
  "summary_bg_mad": 9.88193326464862,
  "summary_bg_mean": 37.799461364746094,
  "summary_bg_median": 14.47368335723877,
  "summary_bg_n": 62561.0,
  "summary_bg_p05": 6.136841773986816,
  "summary_bg_p95": 150.4105224609375,
  "summary_bg_stdv": 65.10223388671875,
  "summary_fg_k": 2.9873059507084747,
  "summary_fg_mad": 87.88553576859175,
  "summary_fg_mean": 727.7954711914062,
  "summary_fg_median": 720.986328125,
  "summary_fg_n": 21250.0,
  "summary_fg_p05": 597.3305053710938,
  "summary_fg_p95": 882.9898315429687,
  "summary_fg_stdv": 95.11113739013672,
  "tsnr": 70.85399787407368
}