{
  "bids_meta": {
    "DeviceSerialNumber": "66018",
    "DwellTime": 9.8e-06,
    "EchoTime": 0.00267,
    "FlipAngle": 7,
    "InstitutionAddress": "Washington Rd, Building 25, Princeton, NJ 08540, USA",
    "InstitutionName": "Princeton University",
    "InstitutionalDepartmentName": "Princeton Neuroscience Institute",
    "InversionTime": 1.2,
    "MagneticFieldStrength": 3,
    "Manufacturer": "Siemens",
    "ManufacturersModelName": "Prisma",
    "ParallelReductionFactorInPlane": 2,
    "ParellelReductionType": "TODO",
    "PartialFourier": 1,
    "PixelBandwidth": 200,
    "PulseSequenceDetails": "%SiemensSeq%_tfl",
    "PulseSequenceType": "MPRAGE",
    "ReceiveCoilActiveElements": "HC1-7;NC1",
    "ReceiveCoilName": "HeadNeck_64",
    "RepetitionTime": 2.53,
    "ScanOptions": "IR",
    "ScanningSequence": "GR_IR",
    "SequenceName": "_tfl3d1_16",
    "SequenceVariant": "SK_SP_MP",
    "SoftwareVersions": "syngo_MR_D13D",
    "StationName": "AWP66018",
    "dataset": "ds002345",
    "modality": "T1w",
    "subject_id": "253"
  },
  "cjv": 0.4052329918030587,
  "cnr": 3.0589279219827654,
  "efc": 0.5811153031827451,
  "fber": 360.1574887302123,
  "fwhm_avg": 3.5820566666666664,
  "fwhm_x": 3.50475,
  "fwhm_y": 3.62109,
  "fwhm_z": 3.62033,
  "icvs_csf": 0.19803799958958512,
  "icvs_gm": 0.40114551621742334,
  "icvs_wm": 0.40081648419299154,
  "inu_med": 1.1014533042907715,
  "inu_range": 0.46562533676624296,
  "provenance": {
    "md5sum": "60ad592868ad5442bd56d06bf30be986",
    "settings": {
      "testing": false
    },
    "software": "mriqc",
    "version": "22.0.0rc1",
    "warnings": {
      "large_rot_frame": true,
      "small_air_mask": false
    },
    "webapi_port": null,
    "webapi_url": "https://mriqc.nimh.nih.gov/api/v1"
  },
  "qi_1": 0.0,
  "qi_2": 0.002176630552919122,
  "rpve_csf": 29.193203601362235,
  "rpve_gm": 14.728027169326824,
  "rpve_wm": 18.43666290244224,
  "size_x": 176,
  "size_y": 256,
  "size_z": 256,
  "snr_csf": 3.927540513758087,
  "snr_gm": 10.673062478307545,
  "snr_total": 11.89419066139238,
  "snr_wm": 21.08196899211151,
  "snrd_csf": 13.187850293363816,
  "snrd_gm": 22.2690113387478,
  "snrd_total": 21.908923888661658,
  "snrd_wm": 30.269910033873348,
  "spacing_x": 1.0,
  "spacing_y": 1.0,
  "spacing_z": 1.0,
  "summary_bg_k": 3.1064940484336496,
  "summary_bg_mad": 21.643155589046863,
  "summary_bg_mean": 38.19911603335444,
  "summary_bg_median": 35.78084206581116,
  "summary_bg_n": 3173378.0,
  "summary_bg_p05": 8.696732446551323,
  "summary_bg_p95": 75.72369180247188,
  "summary_bg_stdv": 21.580163740947594,
  "summary_csf_k": 0.6998739986530409,
  "summary_csf_mad": 86.25027748571229,
  "summary_csf_mean": 416.59302015241923,
  "summary_csf_median": 435.6752358134836,
  "summary_csf_n": 6156.0,
  "summary_csf_p05": 195.1329342694953,
  "summary_csf_p95": 565.8156249243766,
  "summary_csf_stdv": 110.91925000456074,
  "summary_gm_k": 0.277737211547306,
  "summary_gm_mad": 65.57415650809092,
  "summary_gm_mean": 732.9009736542838,
  "summary_gm_median": 735.6814454607666,
  "summary_gm_n": 13527.0,
  "summary_gm_p05": 615.6044181808829,
  "summary_gm_p95": 841.7443095982073,
  "summary_gm_stdv": 68.92625742410523,
  "summary_wm_k": 2.7455038556647535,
  "summary_wm_mad": 41.53643902408569,
  "summary_wm_mean": 1002.3865433442191,
  "summary_wm_median": 999.9999923184514,
  "summary_wm_n": 186676.0,
  "summary_wm_p05": 931.1094474382699,
  "summary_wm_p95": 1080.1962893791497,
  "summary_wm_stdv": 47.43377216101395,
  "tpm_overlap_csf": 0.1504001021385193,
  "tpm_overlap_gm": 0.4179172217845917,
  "tpm_overlap_wm": 0.49954846501350403,
  "wm2max": 0.3626016023012856
}