{
  "aor": 0.0005487542087542088,
  "aqi": 0.005781064410774412,
  "bids_meta": {
    "CogAtlasID": "https://www.cognitiveatlas.org/task/id/trm_4c8991fadfe01",
    "DeviceSerialNumber": "45031",
    "DwellTime": 5.4e-06,
    "EchoTime": 0.028,
    "EffectiveEchoSpacing": 0.000390001,
    "FlipAngle": 64,
    "InstitutionAddress": "Washington Rd, Princeton, NJ 08540, USA",
    "InstitutionName": "Princeton University",
    "InstitutionalDepartmentName": "Princeton Neuroscience Institute",
    "MagneticFieldStrength": 3,
    "Manufacturer": "Siemens",
    "ManufacturersModelName": "Skyra",
    "NumberOfVolumesDiscardedByScanner": 3,
    "ParallelReductionFactorInPlane": 2,
    "ParallelReductionType": "GRAPPA",
    "PartialFourier": 1,
    "PhaseEncodingDirection": "j-",
    "PixelBandwidth": 1445,
    "PulseSequenceDetails": "%SiemensSeq%_ep2d_bold",
    "PulseSequenceType": "Gradient Echo EPI",
    "ReceiveCoilActiveElements": "HE1-4",
    "ReceiveCoilName": "HeadNeck_20",
    "RepetitionTime": 1.5,
    "ScanOptions": "FS",
    "ScanningSequence": "EP",
    "SequenceName": "_epfid2d1_64",
    "SequenceVariant": "SK",
    "SliceTiming": [
      0,
      0.7775,
      0.055,
      0.8325,
      0.11,
      0.8875,
      0.165,
      0.9425,
      0.22,
      0.9975,
      0.2775,
      1.055,
      0.3325,
      1.11,
      0.3875,
      1.165,
      0.4425,
      1.22,
      0.5,
      1.2775,
      0.555,
      1.3325,
      0.61,
      1.3875,
      0.665,
      1.4425,
      0.72
    ],
    "SoftwareVersions": "syngo_MR_D11",
    "StationName": "AWP45031",
    "TaskDescription": "Passively listened to audio story 'milkyway'",
    "TaskName": "milkyway",
    "TotalReadoutTime": 0.0245701,
    "dataset": "ds002345",
    "modality": "bold",
    "subject_id": "089",
    "task_id": "milkyway"
  },
  "dummy_trs": 0,
  "dvars_nstd": 22.38217485895269,
  "dvars_std": 1.240994574560811,
  "dvars_vstd": 0.9977269817229726,
  "efc": 0.6105719731521441,
  "fber": 1286.404541015625,
  "fd_mean": 0.10550562611176306,
  "fd_num": 22,
  "fd_perc": 7.407407407407407,
  "fwhm_avg": 1.8327700034220997,
  "fwhm_x": 1.72456,
  "fwhm_y": 2.0476533333333333,
  "fwhm_z": 1.7260966769329658,
  "gcor": 0.0465496,
  "gsr_x": -0.00047973403707146645,
  "gsr_y": 0.04463549330830574,
  "provenance": {
    "md5sum": "ec040bb0a75ba27a999ad3940f8b5c8a",
    "settings": {
      "fd_thres": 0.2,
      "testing": false
    },
    "software": "mriqc",
    "version": "21.0.0rc2",
    "webapi_port": null,
    "webapi_url": "https://mriqc.nimh.nih.gov/api/v1"
  },
  "size_t": 297,
  "size_x": 64,
  "size_y": 64,
  "size_z": 27,
  "snr": 7.133274372105691,
  "spacing_tr": 1.5,
  "spacing_x": 3.0,
  "spacing_y": 3.0,
  "spacing_z": 4.000001907348633,
  "summary_bg_k": 17.728386623816302,
  "summary_bg_mad": 13.627959986211849,
  "summary_bg_mean": 52.48480224609375,
  "summary_bg_median": 18.407407760620117,
  "summary_bg_n": 54332.0,
  "summary_bg_p05": 7.696969509124756,
  "summary_bg_p95": 216.23080215454084,
  "summary_bg_stdv": 87.87053680419922,
  "summary_fg_k": 2.7521056587206854,
  "summary_fg_mad": 92.37062465763054,
  "summary_fg_mean": 718.94189453125,
  "summary_fg_median": 712.7373657226562,
  "summary_fg_n": 27445.0,
  "summary_fg_p05": 578.5636352539062,
  "summary_fg_p95": 880.9050415039062,
  "summary_fg_stdv": 99.91545867919922,
  "tsnr": 74.70086448185612
}