{
  "aor": 0.0009697379032258065,
  "aqi": 0.005601106310483871,
  "bids_meta": {
    "CogAtlasID": "https://www.cognitiveatlas.org/task/id/trm_4c8991fadfe01",
    "DeviceSerialNumber": "66018",
    "DwellTime": 4.2e-06,
    "EchoTime": 0.039,
    "EffectiveEchoSpacing": 0.000929976,
    "FlipAngle": 50,
    "InstitutionAddress": "Washington Rd, Princeton, NJ 08540, USA",
    "InstitutionName": "Princeton University",
    "InstitutionalDepartmentName": "Princeton Neuroscience Institute",
    "MagneticFieldStrength": 3,
    "Manufacturer": "Siemens",
    "ManufacturersModelName": "Prisma",
    "NumberOfVolumesDiscardedByScanner": 3,
    "ParallelReductionType": "GRAPPA",
    "PartialFourier": 0.75,
    "PhaseEncodingDirection": "j-",
    "PixelBandwidth": 1240,
    "PulseSequenceDetails": "%CustomerSeq%_ep2d_bold_sms_mgh_v22",
    "PulseSequenceType": "Gradient Echo EPI",
    "ReceiveCoilActiveElements": "HC1-7;NC1,2",
    "ReceiveCoilName": "HeadNeck_64",
    "RepetitionTime": 1.5,
    "ScanOptions": "PFP_FS",
    "ScanningSequence": "EP",
    "SequenceName": "epfSM2d1_96",
    "SequenceVariant": "SK",
    "SliceTiming": [
      0.6925,
      0,
      0.79,
      0.1,
      0.8875,
      0.1975,
      0.9875,
      0.2975,
      1.085,
      0.395,
      1.185,
      0.495,
      1.2825,
      0.5925,
      1.3825,
      0.6925,
      0,
      0.79,
      0.1,
      0.8875,
      0.1975,
      0.9875,
      0.2975,
      1.085,
      0.395,
      1.185,
      0.495,
      1.2825,
      0.5925,
      1.3825,
      0.6925,
      0,
      0.79,
      0.1,
      0.8875,
      0.1975,
      0.9875,
      0.2975,
      1.085,
      0.395,
      1.185,
      0.495,
      1.2825,
      0.5925,
      1.3825,
      0.6925,
      0,
      0.79,
      0.1,
      0.8875,
      0.1975,
      0.9875,
      0.2975,
      1.085,
      0.395,
      1.185,
      0.495,
      1.2825,
      0.5925,
      1.3825
    ],
    "SoftwareVersions": "syngo_MR_D13D",
    "StationName": "AWP66018",
    "TaskDescription": "Passively listened to audio story 'schema'",
    "TaskName": "schema",
    "TotalReadoutTime": 0.0883478,
    "dataset": "ds002345",
    "modality": "bold",
    "run_id": 2,
    "subject_id": "089",
    "task_id": "schema"
  },
  "dummy_trs": 1,
  "dvars_nstd": 34.9299379677576,
  "dvars_std": 1.1036137882424235,
  "dvars_vstd": 1.0027134874545454,
  "efc": 0.5981365558948954,
  "fber": 258.8598327636719,
  "fd_mean": 0.1140771135910335,
  "fd_num": 31,
  "fd_perc": 6.25,
  "fwhm_avg": 2.8925099999999997,
  "fwhm_x": 2.57189,
  "fwhm_y": 3.150115,
  "fwhm_z": 2.955525,
  "gcor": 0.0175838,
  "gsr_x": -0.019172372296452522,
  "gsr_y": 0.08933854848146439,
  "provenance": {
    "md5sum": "1b8475f3b8248106f61781629cc9b589",
    "settings": {
      "fd_thres": 0.2,
      "testing": false
    },
    "software": "mriqc",
    "version": "21.0.0rc2",
    "webapi_port": null,
    "webapi_url": "https://mriqc.nimh.nih.gov/api/v1"
  },
  "size_t": 496,
  "size_x": 96,
  "size_y": 96,
  "size_z": 60,
  "snr": 1.9761395748530495,
  "spacing_tr": 1.5,
  "spacing_x": 2.0,
  "spacing_y": 2.0,
  "spacing_z": 2.0,
  "summary_bg_k": 41.864660950171306,
  "summary_bg_mad": 10.031477184155984,
  "summary_bg_mean": 58.62356185913086,
  "summary_bg_median": 29.16128921508789,
  "summary_bg_n": 308915.0,
  "summary_bg_p05": 20.91128921508789,
  "summary_bg_p95": 202.6901184082031,
  "summary_bg_stdv": 79.55476379394531,
  "summary_fg_k": 5.3242119607855525,
  "summary_fg_mad": 199.65961742097048,
  "summary_fg_mean": 535.3338012695312,
  "summary_fg_median": 490.3780212402344,
  "summary_fg_n": 154110.0,
  "summary_fg_p05": 240.7605812072754,
  "summary_fg_p95": 982.6946502685547,
  "summary_fg_stdv": 248.148681640625,
  "tsnr": 40.71506171487272
}