{
  "aor": 0.0005005609284332688,
  "aqi": 0.0055678388394584145,
  "bids_meta": {
    "CogAtlasID": "https://www.cognitiveatlas.org/task/id/trm_4c8991fadfe01",
    "DeviceSerialNumber": "66018",
    "DwellTime": 4.2e-06,
    "EchoTime": 0.039,
    "EffectiveEchoSpacing": 0.000929976,
    "FlipAngle": 50,
    "InstitutionAddress": "Washington Rd, Princeton, NJ 08540, USA",
    "InstitutionName": "Princeton University",
    "InstitutionalDepartmentName": "Princeton Neuroscience Institute",
    "MagneticFieldStrength": 3,
    "Manufacturer": "Siemens",
    "ManufacturersModelName": "Prisma",
    "NumberOfVolumesDiscardedByScanner": 3,
    "ParallelReductionType": "GRAPPA",
    "PartialFourier": 0.75,
    "PhaseEncodingDirection": "j-",
    "PixelBandwidth": 1240,
    "PulseSequenceDetails": "%CustomerSeq%_ep2d_bold_sms_mgh_v22",
    "PulseSequenceType": "Gradient Echo EPI",
    "ReceiveCoilActiveElements": "HC1-7;NC1,2",
    "ReceiveCoilName": "HeadNeck_64",
    "RepetitionTime": 1.5,
    "ScanOptions": "PFP_FS",
    "ScanningSequence": "EP",
    "SequenceName": "epfSM2d1_96",
    "SequenceVariant": "SK",
    "SliceTiming": [
      0.6925,
      0,
      0.79,
      0.1,
      0.8875,
      0.1975,
      0.9875,
      0.2975,
      1.085,
      0.395,
      1.185,
      0.495,
      1.2825,
      0.5925,
      1.3825,
      0.6925,
      0,
      0.79,
      0.1,
      0.8875,
      0.1975,
      0.9875,
      0.2975,
      1.085,
      0.395,
      1.185,
      0.495,
      1.2825,
      0.5925,
      1.3825,
      0.6925,
      0,
      0.79,
      0.1,
      0.8875,
      0.1975,
      0.9875,
      0.2975,
      1.085,
      0.395,
      1.185,
      0.495,
      1.2825,
      0.5925,
      1.3825,
      0.6925,
      0,
      0.79,
      0.1,
      0.8875,
      0.1975,
      0.9875,
      0.2975,
      1.085,
      0.395,
      1.185,
      0.495,
      1.2825,
      0.5925,
      1.3825
    ],
    "SoftwareVersions": "syngo_MR_D13D",
    "StationName": "AWP66018",
    "TaskDescription": "Passively listened to audio story 'schema'",
    "TaskName": "schema",
    "TotalReadoutTime": 0.0883478,
    "dataset": "ds002345",
    "modality": "bold",
    "run_id": 1,
    "subject_id": "089",
    "task_id": "schema"
  },
  "dummy_trs": 1,
  "dvars_nstd": 34.81743835104654,
  "dvars_std": 1.0854331355232556,
  "dvars_vstd": 0.987588521821706,
  "efc": 0.5957812627319801,
  "fber": 262.6558532714844,
  "fd_mean": 0.11140301003605138,
  "fd_num": 21,
  "fd_perc": 4.061895551257253,
  "fwhm_avg": 2.8737049999999997,
  "fwhm_x": 2.57232,
  "fwhm_y": 3.138735,
  "fwhm_z": 2.91006,
  "gcor": 0.0231834,
  "gsr_x": -0.017105571925640106,
  "gsr_y": 0.08664059638977051,
  "provenance": {
    "md5sum": "80385a572a33b8bbff5c122700c8e9b4",
    "settings": {
      "fd_thres": 0.2,
      "testing": false
    },
    "software": "mriqc",
    "version": "21.0.0rc2",
    "webapi_port": null,
    "webapi_url": "https://mriqc.nimh.nih.gov/api/v1"
  },
  "size_t": 517,
  "size_x": 96,
  "size_y": 96,
  "size_z": 60,
  "snr": 1.9706980135315666,
  "spacing_tr": 1.5,
  "spacing_x": 2.0,
  "spacing_y": 2.0,
  "spacing_z": 2.0,
  "summary_bg_k": 44.39343095055339,
  "summary_bg_mad": 10.395422931767772,
  "summary_bg_mean": 57.735286712646484,
  "summary_bg_median": 29.177949905395508,
  "summary_bg_n": 309344.0,
  "summary_bg_p05": 20.55899429321289,
  "summary_bg_p95": 197.72282485961904,
  "summary_bg_stdv": 78.158203125,
  "summary_fg_k": 5.437750869156488,
  "summary_fg_mad": 200.63596853404215,
  "summary_fg_mean": 539.1087036132812,
  "summary_fg_median": 492.9400634765625,
  "summary_fg_n": 153895.0,
  "summary_fg_p05": 243.16848297119142,
  "summary_fg_p95": 989.6893920898433,
  "summary_fg_stdv": 250.13394165039062,
  "tsnr": 39.14690622361377
}