{
  "aor": 0.0013973253493013975,
  "aqi": 0.008197435988023952,
  "bids_meta": {
    "CogAtlasID": "https://www.cognitiveatlas.org/task/id/trm_4c8991fadfe01",
    "DeviceSerialNumber": "66018",
    "DwellTime": 4.2e-06,
    "EchoTime": 0.039,
    "EffectiveEchoSpacing": 0.000929976,
    "FlipAngle": 50,
    "InstitutionAddress": "Washington Rd, Princeton, NJ 08540, USA",
    "InstitutionName": "Princeton University",
    "InstitutionalDepartmentName": "Princeton Neuroscience Institute",
    "MagneticFieldStrength": 3,
    "Manufacturer": "Siemens",
    "ManufacturersModelName": "Prisma",
    "NumberOfVolumesDiscardedByScanner": 3,
    "ParallelReductionType": "GRAPPA",
    "PartialFourier": 0.75,
    "PhaseEncodingDirection": "j-",
    "PixelBandwidth": 1240,
    "PulseSequenceDetails": "%CustomerSeq%_ep2d_bold_sms_mgh_v22",
    "PulseSequenceType": "Gradient Echo EPI",
    "ReceiveCoilActiveElements": "HC1-7;NC1,2",
    "ReceiveCoilName": "HeadNeck_64",
    "RepetitionTime": 1.5,
    "ScanOptions": "PFP_FS",
    "ScanningSequence": "EP",
    "SequenceName": "epfSM2d1_96",
    "SequenceVariant": "SK",
    "SliceTiming": [
      0.6925,
      0,
      0.79,
      0.1,
      0.8875,
      0.1975,
      0.9875,
      0.2975,
      1.085,
      0.395,
      1.185,
      0.495,
      1.2825,
      0.5925,
      1.3825,
      0.6925,
      0,
      0.79,
      0.1,
      0.8875,
      0.1975,
      0.9875,
      0.2975,
      1.085,
      0.395,
      1.185,
      0.495,
      1.2825,
      0.5925,
      1.3825,
      0.6925,
      0,
      0.79,
      0.1,
      0.8875,
      0.1975,
      0.9875,
      0.2975,
      1.085,
      0.395,
      1.185,
      0.495,
      1.2825,
      0.5925,
      1.3825,
      0.6925,
      0,
      0.79,
      0.1,
      0.8875,
      0.1975,
      0.9875,
      0.2975,
      1.085,
      0.395,
      1.185,
      0.495,
      1.2825,
      0.5925,
      1.3825
    ],
    "SoftwareVersions": "syngo_MR_D13D",
    "StationName": "AWP66018",
    "TaskDescription": "Passively listened to audio story 'schema'",
    "TaskName": "schema",
    "TotalReadoutTime": 0.0883478,
    "dataset": "ds002345",
    "modality": "bold",
    "run_id": 3,
    "subject_id": "089",
    "task_id": "schema"
  },
  "dummy_trs": 0,
  "dvars_nstd": 35.961045078379996,
  "dvars_std": 1.0713749180800007,
  "dvars_vstd": 0.9920790220000002,
  "efc": 0.6016523635258129,
  "fber": 243.86741638183594,
  "fd_mean": 0.1305701307328739,
  "fd_num": 60,
  "fd_perc": 11.976047904191617,
  "fwhm_avg": 2.9181516666666667,
  "fwhm_x": 2.592035,
  "fwhm_y": 3.17322,
  "fwhm_z": 2.9892,
  "gcor": 0.0140459,
  "gsr_x": -0.019691765308380127,
  "gsr_y": 0.09128931164741516,
  "provenance": {
    "md5sum": "5a63e457150a087d3677d0392a387721",
    "settings": {
      "fd_thres": 0.2,
      "testing": false
    },
    "software": "mriqc",
    "version": "21.0.0rc2",
    "webapi_port": null,
    "webapi_url": "https://mriqc.nimh.nih.gov/api/v1"
  },
  "size_t": 501,
  "size_x": 96,
  "size_y": 96,
  "size_z": 60,
  "snr": 1.9773192656779843,
  "spacing_tr": 1.5,
  "spacing_x": 2.0,
  "spacing_y": 2.0,
  "spacing_z": 2.0,
  "summary_bg_k": 42.19566278204744,
  "summary_bg_mad": 10.502504723088862,
  "summary_bg_mean": 60.31174850463867,
  "summary_bg_median": 29.91417121887207,
  "summary_bg_n": 307896.0,
  "summary_bg_p05": 21.239521026611328,
  "summary_bg_p95": 208.97405242919922,
  "summary_bg_stdv": 82.06385803222656,
  "summary_fg_k": 5.307912986823061,
  "summary_fg_mad": 199.9840950152702,
  "summary_fg_mean": 533.6182861328125,
  "summary_fg_median": 489.14373779296875,
  "summary_fg_n": 154940.0,
  "summary_fg_p05": 238.75888595581057,
  "summary_fg_p95": 978.9908905029295,
  "summary_fg_stdv": 247.3764190673828,
  "tsnr": 35.13554447516799
}