{
  "aor": 0.0010590889830508472,
  "aqi": 0.007148152500000001,
  "bids_meta": {
    "CogAtlasID": "https://www.cognitiveatlas.org/task/id/trm_4c8991fadfe01",
    "DeviceSerialNumber": "45031",
    "DwellTime": 5.4e-06,
    "EchoTime": 0.028,
    "EffectiveEchoSpacing": 0.000390001,
    "FlipAngle": 64,
    "InstitutionAddress": "Washington Rd, Princeton, NJ 08540, USA",
    "InstitutionName": "Princeton University",
    "InstitutionalDepartmentName": "Princeton Neuroscience Institute",
    "MagneticFieldStrength": 3,
    "Manufacturer": "Siemens",
    "ManufacturersModelName": "Skyra",
    "NumberOfVolumesDiscardedByScanner": 3,
    "ParallelReductionFactorInPlane": 2,
    "ParallelReductionType": "GRAPPA",
    "PartialFourier": 1,
    "PhaseEncodingDirection": "j-",
    "PixelBandwidth": 1445,
    "PulseSequenceDetails": "%SiemensSeq%_ep2d_bold",
    "PulseSequenceType": "Gradient Echo EPI",
    "ReceiveCoilActiveElements": "HE1-4",
    "ReceiveCoilName": "HeadNeck_20",
    "RepetitionTime": 1.5,
    "ScanOptions": "FS",
    "ScanningSequence": "EP",
    "SequenceName": "_epfid2d1_64",
    "SequenceVariant": "SK",
    "SliceTiming": [
      0,
      0.7775,
      0.055,
      0.8325,
      0.11,
      0.8875,
      0.165,
      0.9425,
      0.22,
      0.9975,
      0.2775,
      1.055,
      0.3325,
      1.11,
      0.3875,
      1.165,
      0.4425,
      1.22,
      0.5,
      1.2775,
      0.555,
      1.3325,
      0.61,
      1.3875,
      0.665,
      1.4425,
      0.72
    ],
    "SoftwareVersions": "syngo_MR_D11",
    "StationName": "AWP45031",
    "TaskDescription": "Passively listened to audio story 'prettymouth'",
    "TaskName": "prettymouth",
    "TotalReadoutTime": 0.0245701,
    "dataset": "ds002345",
    "modality": "bold",
    "subject_id": "089",
    "task_id": "prettymouth"
  },
  "dummy_trs": 3,
  "dvars_nstd": 23.15730955004247,
  "dvars_std": 1.2760332960297247,
  "dvars_vstd": 1.0114725490233551,
  "efc": 0.6116296015856187,
  "fber": 1267.16796875,
  "fd_mean": 0.11263857130480923,
  "fd_num": 36,
  "fd_perc": 7.627118644067797,
  "fwhm_avg": 1.8330302794916093,
  "fwhm_x": 1.7144333333333333,
  "fwhm_y": 2.0478133333333335,
  "fwhm_z": 1.7368441718081609,
  "gcor": 0.0890713,
  "gsr_x": -0.0018798450473695993,
  "gsr_y": 0.04683975875377655,
  "provenance": {
    "md5sum": "9253c5335555c180c56ce656a7a4056f",
    "settings": {
      "fd_thres": 0.2,
      "testing": false
    },
    "software": "mriqc",
    "version": "21.0.0rc2",
    "webapi_port": null,
    "webapi_url": "https://mriqc.nimh.nih.gov/api/v1"
  },
  "size_t": 472,
  "size_x": 64,
  "size_y": 64,
  "size_z": 27,
  "snr": 7.184933750826718,
  "spacing_tr": 1.5,
  "spacing_x": 3.0,
  "spacing_y": 3.0,
  "spacing_z": 4.000001907348633,
  "summary_bg_k": 17.202696537979097,
  "summary_bg_mad": 13.949653572706461,
  "summary_bg_mean": 53.47203063964844,
  "summary_bg_median": 18.625,
  "summary_bg_n": 54255.0,
  "summary_bg_p05": 7.745762825012207,
  "summary_bg_p95": 220.3654617309569,
  "summary_bg_stdv": 89.17463684082031,
  "summary_fg_k": 2.712497484606722,
  "summary_fg_mad": 91.97631074362064,
  "summary_fg_mean": 721.2974853515625,
  "summary_fg_median": 715.278564453125,
  "summary_fg_n": 27478.0,
  "summary_fg_p05": 581.7909912109375,
  "summary_fg_p95": 882.5341949462891,
  "summary_fg_stdv": 99.55075073242188,
  "tsnr": 67.23769281059504
}