{
  "aor": 0.0013999201596806387,
  "aqi": 0.007115007385229542,
  "bids_meta": {
    "CogAtlasID": "https://www.cognitiveatlas.org/task/id/trm_4c8991fadfe01",
    "DeviceSerialNumber": "66018",
    "DwellTime": 4.2e-06,
    "EchoTime": 0.039,
    "EffectiveEchoSpacing": 0.000929976,
    "FlipAngle": 50,
    "InstitutionAddress": "Washington Rd, Princeton, NJ 08540, USA",
    "InstitutionName": "Princeton University",
    "InstitutionalDepartmentName": "Princeton Neuroscience Institute",
    "MagneticFieldStrength": 3,
    "Manufacturer": "Siemens",
    "ManufacturersModelName": "Prisma",
    "NumberOfVolumesDiscardedByScanner": 3,
    "ParallelReductionType": "GRAPPA",
    "PartialFourier": 0.75,
    "PhaseEncodingDirection": "j-",
    "PixelBandwidth": 1240,
    "PulseSequenceDetails": "%CustomerSeq%_ep2d_bold_sms_mgh_v22",
    "PulseSequenceType": "Gradient Echo EPI",
    "ReceiveCoilActiveElements": "HC1-7;NC1,2",
    "ReceiveCoilName": "HeadNeck_64",
    "RepetitionTime": 1.5,
    "ScanOptions": "PFP_FS",
    "ScanningSequence": "EP",
    "SequenceName": "epfSM2d1_96",
    "SequenceVariant": "SK",
    "SliceTiming": [
      0.6925,
      0,
      0.79,
      0.1,
      0.8875,
      0.1975,
      0.9875,
      0.2975,
      1.085,
      0.395,
      1.185,
      0.495,
      1.2825,
      0.5925,
      1.3825,
      0.6925,
      0,
      0.79,
      0.1,
      0.8875,
      0.1975,
      0.9875,
      0.2975,
      1.085,
      0.395,
      1.185,
      0.495,
      1.2825,
      0.5925,
      1.3825,
      0.6925,
      0,
      0.79,
      0.1,
      0.8875,
      0.1975,
      0.9875,
      0.2975,
      1.085,
      0.395,
      1.185,
      0.495,
      1.2825,
      0.5925,
      1.3825,
      0.6925,
      0,
      0.79,
      0.1,
      0.8875,
      0.1975,
      0.9875,
      0.2975,
      1.085,
      0.395,
      1.185,
      0.495,
      1.2825,
      0.5925,
      1.3825
    ],
    "SoftwareVersions": "syngo_MR_D13D",
    "StationName": "AWP66018",
    "TaskDescription": "Passively listened to audio story 'schema'",
    "TaskName": "schema",
    "TotalReadoutTime": 0.0883478,
    "dataset": "ds002345",
    "modality": "bold",
    "run_id": 4,
    "subject_id": "089",
    "task_id": "schema"
  },
  "dummy_trs": 0,
  "dvars_nstd": 35.859031169840016,
  "dvars_std": 1.1002319415800002,
  "dvars_vstd": 1.0067720869799996,
  "efc": 0.6014644565190983,
  "fber": 242.8676300048828,
  "fd_mean": 0.11294025303764532,
  "fd_num": 34,
  "fd_perc": 6.786427145708583,
  "fwhm_avg": 2.898668333333333,
  "fwhm_x": 2.577145,
  "fwhm_y": 3.161685,
  "fwhm_z": 2.957175,
  "gcor": 0.0186175,
  "gsr_x": -0.018885966390371323,
  "gsr_y": 0.08845756202936172,
  "provenance": {
    "md5sum": "9cc6220f2f276804a21ae723f85c3102",
    "settings": {
      "fd_thres": 0.2,
      "testing": false
    },
    "software": "mriqc",
    "version": "21.0.0rc2",
    "webapi_port": null,
    "webapi_url": "https://mriqc.nimh.nih.gov/api/v1"
  },
  "size_t": 501,
  "size_x": 96,
  "size_y": 96,
  "size_z": 60,
  "snr": 1.9719033379460327,
  "spacing_tr": 1.5,
  "spacing_x": 2.0,
  "spacing_y": 2.0,
  "spacing_z": 2.0,
  "summary_bg_k": 39.32082973125432,
  "summary_bg_mad": 10.061573877979903,
  "summary_bg_mean": 61.024742126464844,
  "summary_bg_median": 30.019960403442383,
  "summary_bg_n": 308714.0,
  "summary_bg_p05": 21.83832359313965,
  "summary_bg_p95": 211.97544403076162,
  "summary_bg_stdv": 82.7896957397461,
  "summary_fg_k": 5.386601748529145,
  "summary_fg_mad": 200.7816588155237,
  "summary_fg_mean": 535.6825561523438,
  "summary_fg_median": 490.34332275390625,
  "summary_fg_n": 154471.0,
  "summary_fg_p05": 241.20458984375,
  "summary_fg_p95": 982.6387023925781,
  "summary_fg_stdv": 248.6641845703125,
  "tsnr": 37.42310188803822
}