{
  "aor": 0.0005159173553719008,
  "aqi": 0.01468088395041322,
  "bids_meta": {
    "CogAtlasID": "https://www.cognitiveatlas.org/task/id/trm_4c8991fadfe01",
    "DeviceSerialNumber": "45031",
    "DwellTime": 5.4e-06,
    "EchoTime": 0.028,
    "EffectiveEchoSpacing": 0.000390001,
    "FlipAngle": 64,
    "InstitutionAddress": "Washington Rd, Princeton, NJ 08540, USA",
    "InstitutionName": "Princeton University",
    "InstitutionalDepartmentName": "Princeton Neuroscience Institute",
    "MagneticFieldStrength": 3,
    "Manufacturer": "Siemens",
    "ManufacturersModelName": "Skyra",
    "NumberOfVolumesDiscardedByScanner": 3,
    "ParallelReductionFactorInPlane": 2,
    "ParallelReductionType": "GRAPPA",
    "PartialFourier": 1,
    "PhaseEncodingDirection": "j-",
    "PixelBandwidth": 1445,
    "PulseSequenceDetails": "%SiemensSeq%_ep2d_bold",
    "PulseSequenceType": "Gradient Echo EPI",
    "ReceiveCoilActiveElements": "HE1-4",
    "ReceiveCoilName": "HeadNeck_20",
    "RepetitionTime": 1.5,
    "ScanOptions": "FS",
    "ScanningSequence": "EP",
    "SequenceName": "_epfid2d1_64",
    "SequenceVariant": "SK",
    "SliceTiming": [
      0,
      0.7775,
      0.055,
      0.8325,
      0.11,
      0.8875,
      0.1675,
      0.945,
      0.2225,
      1,
      0.2775,
      1.055,
      0.3325,
      1.11,
      0.3875,
      1.165,
      0.445,
      1.2225,
      0.5,
      1.2775,
      0.555,
      1.3325,
      0.61,
      1.3875,
      0.6675,
      1.445,
      0.7225
    ],
    "SoftwareVersions": "syngo_MR_D11",
    "StationName": "AWP45031",
    "TaskDescription": "Passively listened to audio story 'slumlordreach'",
    "TaskName": "slumlordreach",
    "TotalReadoutTime": 0.0245701,
    "dataset": "ds002345",
    "modality": "bold",
    "subject_id": "135",
    "task_id": "slumlordreach"
  },
  "dummy_trs": 0,
  "dvars_nstd": 22.62946337571549,
  "dvars_std": 1.1280132120099262,
  "dvars_vstd": 0.9885692279239037,
  "efc": 0.6184930923986568,
  "fber": 866.9420166015625,
  "fd_mean": 0.1432951764968392,
  "fd_num": 242,
  "fd_perc": 20.0,
  "fwhm_avg": 1.7235248829051137,
  "fwhm_x": 1.7214466666666668,
  "fwhm_y": 1.9757333333333333,
  "fwhm_z": 1.4733946487153413,
  "gcor": 0.100564,
  "gsr_x": 0.0014921070542186499,
  "gsr_y": 0.04216907545924187,
  "provenance": {
    "md5sum": "c7b2c124355131638b81c1fd9b66e9dd",
    "settings": {
      "fd_thres": 0.2,
      "testing": false
    },
    "software": "mriqc",
    "version": "22.0.0rc1",
    "webapi_port": null,
    "webapi_url": "https://mriqc.nimh.nih.gov/api/v1"
  },
  "size_t": 1210,
  "size_x": 64,
  "size_y": 64,
  "size_z": 27,
  "snr": 7.045543422995919,
  "spacing_tr": 1.5,
  "spacing_x": 3.0,
  "spacing_y": 3.0,
  "spacing_z": 4.000000953674316,
  "summary_bg_k": 20.490217615124177,
  "summary_bg_mad": 24.67001079482323,
  "summary_bg_mean": 63.07285690307617,
  "summary_bg_median": 27.69504165649414,
  "summary_bg_n": 53288.0,
  "summary_bg_p05": 8.75152883529663,
  "summary_bg_p95": 256.2724716186516,
  "summary_bg_stdv": 97.21155548095703,
  "summary_fg_k": 3.017713842970436,
  "summary_fg_mad": 107.55847453865181,
  "summary_fg_mean": 856.9671020507812,
  "summary_fg_median": 847.54541015625,
  "summary_fg_n": 28872.0,
  "summary_fg_p05": 695.1140716552734,
  "summary_fg_p95": 1053.3263854980469,
  "summary_fg_stdv": 120.29316711425781,
  "tsnr": 49.489898019935936
}