{
  "bids_meta": {
    "AcquisitionMatrixPE": 256,
    "BaseResolution": 256,
    "BodyPartExamined": "BRAIN",
    "ConsistencyInfo": "N4_VE11C_LATEST_20160120",
    "ConversionSoftware": "dcm2niix",
    "ConversionSoftwareVersion": "v1.0.20180328 GCC6.3.0",
    "DeviceSerialNumber": "66018",
    "DwellTime": 9.8e-06,
    "EchoTime": 0.428,
    "EchoTrainLength": 175,
    "FlipAngle": 120,
    "ImageOrientationPatientDICOM": [
      0,
      1,
      0,
      0,
      0,
      -1
    ],
    "ImageType": [
      "ORIGINAL",
      "PRIMARY",
      "M",
      "ND"
    ],
    "InPlanePhaseEncodingDirectionDICOM": "ROW",
    "InstitutionAddress": "Washington Rd, Princeton, NJ 08540, USA",
    "InstitutionName": "Princeton University",
    "InstitutionalDepartmentName": "Princeton Neuroscience Institute",
    "MRAcquisitionType": "3D",
    "MagneticFieldStrength": 3,
    "Manufacturer": "Siemens",
    "ManufacturersModelName": "Prisma",
    "Modality": "MR",
    "ParallelReductionFactorInPlane": 2,
    "ParallelReductionType": "GRAPPA",
    "PartialFourier": 1,
    "PatientPosition": "HFS",
    "PercentPhaseFOV": 100,
    "PhaseEncodingSteps": 175,
    "PhaseResolution": 1,
    "PixelBandwidth": 200,
    "ProcedureStepDescription": "Hasson_Nastase_042518_Storyteller",
    "ProtocolName": "anat-T2w",
    "PulseSequenceDetails": "%SiemensSeq%_tse_vfl",
    "ReceiveCoilActiveElements": "HC1-7;NC1",
    "ReceiveCoilName": "HeadNeck_64",
    "ReconMatrixPE": 256,
    "RepetitionTime": 3.2,
    "SAR": 0.0419922,
    "ScanOptions": "PFP",
    "ScanningSequence": "SE",
    "SequenceName": "_spc_230ns",
    "SequenceVariant": "SK_SP",
    "SeriesDescription": "anat-T2w",
    "SeriesNumber": 12,
    "ShimSetting": [
      771,
      460,
      2044,
      395,
      -57,
      -407,
      231,
      54
    ],
    "SliceThickness": 1,
    "SoftwareVersions": "syngo_MR_E11",
    "StationName": "AWP66018",
    "TxRefAmp": 227.701,
    "dataset": "ds002345",
    "modality": "T2w",
    "subject_id": "286"
  },
  "cjv": 0.5233381491049637,
  "cnr": 1.937671148202242,
  "efc": 0.5095191017234724,
  "fber": 1541.539464793923,
  "fwhm_avg": 2.2766066666666664,
  "fwhm_x": 2.47086,
  "fwhm_y": 1.97721,
  "fwhm_z": 2.38175,
  "icvs_csf": 0.27697859618450804,
  "icvs_gm": 0.1404624433549283,
  "icvs_wm": 0.5825589604605637,
  "inu_med": 1.5817267894744873,
  "inu_range": 0.536025035381317,
  "provenance": {
    "md5sum": "54bd42d7e965252cab537efa121cf0ea",
    "settings": {
      "testing": false
    },
    "software": "mriqc",
    "version": "22.0.0rc1",
    "warnings": {
      "large_rot_frame": true,
      "small_air_mask": false
    },
    "webapi_port": null,
    "webapi_url": "https://mriqc.nimh.nih.gov/api/v1"
  },
  "qi_1": 0.0,
  "qi_2": 0.029000683565402696,
  "rpve_csf": 19.499576330544176,
  "rpve_gm": 49.68199943036172,
  "rpve_wm": 11.592875142323471,
  "size_x": 176,
  "size_y": 256,
  "size_z": 256,
  "snr_csf": 7.318559074994776,
  "snr_gm": 3.189396700017136,
  "snr_total": 6.141240547179831,
  "snr_wm": 7.915765866527579,
  "snrd_csf": 56.50073802912316,
  "snrd_gm": 85.27534069550136,
  "snrd_total": 58.19596102580215,
  "snrd_wm": 32.81180435278194,
  "spacing_x": 1.0,
  "spacing_y": 1.0,
  "spacing_z": 1.0,
  "summary_bg_k": 6.097453664131606,
  "summary_bg_mad": 19.96892904249321,
  "summary_bg_mean": 28.670196353099968,
  "summary_bg_median": 13.468837961554527,
  "summary_bg_n": 3710634.0,
  "summary_bg_p05": 0.0,
  "summary_bg_p95": 93.91453378647566,
  "summary_bg_stdv": 31.80307932222229,
  "summary_csf_k": 0.2227060359514783,
  "summary_csf_mad": 238.810237776362,
  "summary_csf_mean": 1736.8623085646827,
  "summary_csf_median": 1722.1745993569493,
  "summary_csf_n": 18976.0,
  "summary_csf_p05": 1386.3719801791012,
  "summary_csf_p95": 2139.4942991975695,
  "summary_csf_stdv": 235.30987499160614,
  "summary_gm_k": 0.5470457488755671,
  "summary_gm_mad": 732.3150887037965,
  "summary_gm_mean": 2604.8150206578116,
  "summary_gm_median": 2599.2408386170864,
  "summary_gm_n": 12097.0,
  "summary_gm_p05": 1216.9707318171859,
  "summary_gm_p95": 3957.2425482898943,
  "summary_gm_stdv": 814.9294827765417,
  "summary_wm_k": 1.5662398379049058,
  "summary_wm_mad": 104.56457389523717,
  "summary_wm_mean": 991.8026166527103,
  "summary_wm_median": 1000.122440636158,
  "summary_wm_n": 251840.0,
  "summary_wm_p05": 771.8868591785431,
  "summary_wm_p95": 1181.4619771912694,
  "summary_wm_stdv": 126.34538108720886,
  "tpm_overlap_csf": 0.12265083938837051,
  "tpm_overlap_gm": 0.10740064829587936,
  "tpm_overlap_wm": 0.4405033588409424,
  "wm2max": 0.24601051764235157
}