{
  "bids_meta": {
    "AcquisitionMatrixPE": 256,
    "BaseResolution": 256,
    "BodyPartExamined": "BRAIN",
    "ConsistencyInfo": "N4_VE11C_LATEST_20160120",
    "ConversionSoftware": "dcm2niix",
    "ConversionSoftwareVersion": "v1.0.20180328 GCC6.3.0",
    "DeviceSerialNumber": "66018",
    "EchoTime": 0.0033,
    "FlipAngle": 7,
    "ImageOrientationPatientDICOM": [
      0,
      1,
      0,
      0,
      0,
      -1
    ],
    "ImageType": [
      "ORIGINAL",
      "PRIMARY",
      "M",
      "ND",
      "NORM"
    ],
    "InPlanePhaseEncodingDirectionDICOM": "ROW",
    "InstitutionAddress": "Washington Rd, Princeton, NJ 08540, USA",
    "InstitutionName": "Princeton University",
    "InstitutionalDepartmentName": "Princeton Neuroscience Institute",
    "InversionTime": 1.1,
    "MRAcquisitionType": "3D",
    "MagneticFieldStrength": 3,
    "Manufacturer": "Siemens",
    "ManufacturersModelName": "Prisma",
    "Modality": "MR",
    "ParallelReductionFactorInPlane": 2,
    "ParallelReductionType": "GRAPPA",
    "PartialFourier": 1,
    "PatientPosition": "HFS",
    "PercentPhaseFOV": 100,
    "PhaseEncodingSteps": 255,
    "PhaseResolution": 1,
    "PixelBandwidth": 200,
    "ProcedureStepDescription": "Hasson_Nastase_042518_Storyteller",
    "ProtocolName": "anat-T1w",
    "PulseSequenceDetails": "%SiemensSeq%_tfl",
    "ReceiveCoilActiveElements": "HC1-7;NC1",
    "ReceiveCoilName": "HeadNeck_64",
    "ReconMatrixPE": 256,
    "RepetitionTime": 2.53,
    "SAR": 0.0341818,
    "ScanOptions": "IR",
    "ScanningSequence": "GR_IR",
    "SequenceName": "_tfl3d1_16ns",
    "SequenceVariant": "SK_SP_MP",
    "SeriesDescription": "anat-T1w",
    "SeriesNumber": 3,
    "ShimSetting": [
      771,
      460,
      2044,
      395,
      -57,
      -407,
      231,
      54
    ],
    "SliceThickness": 1,
    "SoftwareVersions": "syngo_MR_E11",
    "StationName": "AWP66018",
    "TxRefAmp": 227.701,
    "dataset": "ds002345",
    "modality": "T1w",
    "subject_id": "286"
  },
  "cjv": 0.3808803196128801,
  "cnr": 3.372414670163388,
  "efc": 0.5339382345598567,
  "fber": 5251.766420448507,
  "fwhm_avg": 3.151526666666667,
  "fwhm_x": 3.20733,
  "fwhm_y": 3.30056,
  "fwhm_z": 2.94669,
  "icvs_csf": 0.16909709410121482,
  "icvs_gm": 0.45377089966787376,
  "icvs_wm": 0.3771320062309114,
  "inu_med": 1.192989706993103,
  "inu_range": 0.5015461087226866,
  "provenance": {
    "md5sum": "e749ff505efc22fe79553d05a4f63126",
    "settings": {
      "testing": false
    },
    "software": "mriqc",
    "version": "22.0.0rc1",
    "warnings": {
      "large_rot_frame": true,
      "small_air_mask": false
    },
    "webapi_port": null,
    "webapi_url": "https://mriqc.nimh.nih.gov/api/v1"
  },
  "qi_1": 0.0,
  "qi_2": 0.001057065642526686,
  "rpve_csf": 32.89264726137459,
  "rpve_gm": 13.756378506366426,
  "rpve_wm": 19.08472848304331,
  "size_x": 176,
  "size_y": 256,
  "size_z": 256,
  "snr_csf": 1.7479436876429408,
  "snr_gm": 9.549849628845811,
  "snr_total": 9.830414116848338,
  "snr_wm": 18.19344903405626,
  "snrd_csf": 29.371220682456975,
  "snrd_gm": 78.38664761834927,
  "snrd_total": 73.66763793465101,
  "snrd_wm": 113.24504550314681,
  "spacing_x": 1.0,
  "spacing_y": 1.0,
  "spacing_z": 1.0,
  "summary_bg_k": 9.75508630672715,
  "summary_bg_mad": 5.785407602217559,
  "summary_bg_mean": 9.561626033454916,
  "summary_bg_median": 7.952580995857716,
  "summary_bg_n": 3709533.0,
  "summary_bg_p05": 1.630032129585743,
  "summary_bg_p95": 23.610768422484398,
  "summary_bg_stdv": 7.5272045646823615,
  "summary_csf_k": -0.8251179418130814,
  "summary_csf_mad": 164.8108836555774,
  "summary_csf_mean": 300.98458135605944,
  "summary_csf_median": 259.3726882562041,
  "summary_csf_n": 6440.0,
  "summary_csf_p05": 115.33465215079487,
  "summary_csf_p95": 545.6162091940641,
  "summary_csf_stdv": 148.37580390994052,
  "summary_gm_k": 0.2684133490370946,
  "summary_gm_mad": 67.52083302841253,
  "summary_gm_mean": 689.2099301791226,
  "summary_gm_median": 692.2203110307455,
  "summary_gm_n": 14296.0,
  "summary_gm_p05": 564.9172714557499,
  "summary_gm_p95": 806.9893914274871,
  "summary_gm_stdv": 72.48240833416445,
  "summary_wm_k": 0.8276957330187424,
  "summary_wm_mad": 49.7252121760218,
  "summary_wm_mean": 999.4605688490498,
  "summary_wm_median": 1000.0494089573622,
  "summary_wm_n": 168005.0,
  "summary_wm_p05": 907.6809216141701,
  "summary_wm_p95": 1088.318118520081,
  "summary_wm_stdv": 54.96739133036301,
  "tpm_overlap_csf": 0.14940617978572845,
  "tpm_overlap_gm": 0.4269556701183319,
  "tpm_overlap_wm": 0.46917998790740967,
  "wm2max": 0.5018238705043401
}