{
  "aor": 0.0007544557823129251,
  "aqi": 0.007726643197278911,
  "bids_meta": {
    "AcquisitionMatrixPE": 96,
    "BandwidthPerPixelPhaseEncode": 20.425,
    "BaseResolution": 96,
    "BodyPartExamined": "BRAIN",
    "ConsistencyInfo": "N4_VE11C_LATEST_20160120",
    "ConversionSoftware": "dcm2niix",
    "ConversionSoftwareVersion": "v1.0.20180328 GCC6.3.0",
    "DerivedVendorReportedEchoSpacing": 0.000509996,
    "DeviceSerialNumber": "66018",
    "DwellTime": 2.1e-06,
    "EchoTime": 0.031,
    "EchoTrainLength": 96,
    "EffectiveEchoSpacing": 0.000509996,
    "FlipAngle": 67,
    "ImageOrientationPatientDICOM": [
      1,
      0,
      0,
      0,
      1,
      0
    ],
    "ImageType": [
      "ORIGINAL",
      "PRIMARY",
      "M",
      "ND",
      "NORM",
      "MOSAIC"
    ],
    "InPlanePhaseEncodingDirectionDICOM": "COL",
    "InstitutionAddress": "Washington Rd, Princeton, NJ 08540, USA",
    "InstitutionName": "Princeton University",
    "InstitutionalDepartmentName": "Princeton Neuroscience Institute",
    "MRAcquisitionType": "2D",
    "MagneticFieldStrength": 3,
    "Manufacturer": "Siemens",
    "ManufacturersModelName": "Prisma",
    "Modality": "MR",
    "MultibandAccelerationFactor": 3,
    "NumberOfVolumesDiscardedByScanner": 3,
    "PartialFourier": 1,
    "PatientPosition": "HFS",
    "PercentPhaseFOV": 100,
    "PhaseEncodingDirection": "j-",
    "PhaseEncodingSteps": 96,
    "PhaseResolution": 1,
    "PixelBandwidth": 2480,
    "ProcedureStepDescription": "Hasson_Nastase_042518_Storyteller",
    "ProtocolName": "func_task-pieman",
    "PulseSequenceDetails": "%SiemensSeq%_ep2d_bold",
    "ReceiveCoilActiveElements": "HC1-7;NC1",
    "ReceiveCoilName": "HeadNeck_64",
    "ReconMatrixPE": 96,
    "RepetitionTime": 1.5,
    "SAR": 0.0395529,
    "ScanOptions": "FS",
    "ScanningSequence": "EP",
    "SequenceName": "_epfid2d1_96",
    "SequenceVariant": "SK",
    "SeriesDescription": "func_task-pieman",
    "SeriesNumber": 8,
    "ShimSetting": [
      742,
      445,
      2078,
      709,
      -109,
      -88,
      380,
      80
    ],
    "SliceThickness": 2.5,
    "SliceTiming": [
      1.11,
      0,
      0.74,
      0.0925,
      0.8325,
      0.185,
      0.925,
      0.2775,
      1.0175,
      0.4625,
      1.2025,
      0.555,
      1.295,
      0.6475,
      1.3875,
      0.37,
      1.11,
      0,
      0.74,
      0.0925,
      0.8325,
      0.185,
      0.925,
      0.2775,
      1.0175,
      0.4625,
      1.2025,
      0.555,
      1.295,
      0.6475,
      1.3875,
      0.37,
      1.11,
      0,
      0.74,
      0.0925,
      0.8325,
      0.185,
      0.925,
      0.2775,
      1.0175,
      0.4625,
      1.2025,
      0.555,
      1.295,
      0.6475,
      1.3875,
      0.37
    ],
    "SoftwareVersions": "syngo_MR_E11",
    "SpacingBetweenSlices": 2.5,
    "StationName": "AWP66018",
    "TaskDescription": "Passively listened to audio story 'piemanpni'",
    "TaskName": "piemanpni",
    "TotalReadoutTime": 0.0484496,
    "TxRefAmp": 214.179,
    "dataset": "ds002345",
    "modality": "bold",
    "subject_id": "289",
    "task_id": "piemanpni"
  },
  "dummy_trs": 0,
  "dvars_nstd": 24.254903819453926,
  "dvars_std": 1.2089675098634811,
  "dvars_vstd": 0.9997051319795219,
  "efc": 0.4745045524515698,
  "fber": 3861.878662109375,
  "fd_mean": 0.1231390909822784,
  "fd_num": 12,
  "fd_perc": 4.081632653061225,
  "fwhm_avg": 2.033122666666667,
  "fwhm_x": 1.9264199999999998,
  "fwhm_y": 2.18004,
  "fwhm_z": 1.992908,
  "gcor": 0.0173667,
  "gsr_x": -0.019271664321422577,
  "gsr_y": 0.03246615082025528,
  "provenance": {
    "md5sum": "6686e50ffe949a8c66fe289961fec202",
    "settings": {
      "fd_thres": 0.2,
      "testing": false
    },
    "software": "mriqc",
    "version": "22.0.0rc1",
    "webapi_port": null,
    "webapi_url": "https://mriqc.nimh.nih.gov/api/v1"
  },
  "size_t": 294,
  "size_x": 96,
  "size_y": 96,
  "size_z": 48,
  "snr": 5.809157373802025,
  "spacing_tr": 1.5,
  "spacing_x": 2.5,
  "spacing_y": 2.5,
  "spacing_z": 2.5,
  "summary_bg_k": 38.413940455284965,
  "summary_bg_mad": 8.527483775156062,
  "summary_bg_mean": 34.098026275634766,
  "summary_bg_median": 12.636054039001465,
  "summary_bg_n": 306425.0,
  "summary_bg_p05": 4.908163070678711,
  "summary_bg_p95": 141.82380371093734,
  "summary_bg_stdv": 69.24870300292969,
  "summary_fg_k": 2.096896340663527,
  "summary_fg_mad": 131.97684439639818,
  "summary_fg_mean": 797.2452392578125,
  "summary_fg_median": 796.1224365234375,
  "summary_fg_n": 73563.0,
  "summary_fg_p05": 598.4319458007812,
  "summary_fg_p95": 1011.4982971191405,
  "summary_fg_stdv": 137.04518127441406,
  "tsnr": 66.71294186892919
}