{
  "aor": 0.00044978181818181826,
  "aqi": 0.007317392345454545,
  "bids_meta": {
    "AcquisitionMatrixPE": 96,
    "BandwidthPerPixelPhaseEncode": 20.425,
    "BaseResolution": 96,
    "BodyPartExamined": "BRAIN",
    "ConsistencyInfo": "N4_VE11C_LATEST_20160120",
    "ConversionSoftware": "dcm2niix",
    "ConversionSoftwareVersion": "v1.0.20180328 GCC6.3.0",
    "DerivedVendorReportedEchoSpacing": 0.000509996,
    "DeviceSerialNumber": "66018",
    "DwellTime": 2.1e-06,
    "EchoTime": 0.031,
    "EchoTrainLength": 96,
    "EffectiveEchoSpacing": 0.000509996,
    "FlipAngle": 67,
    "ImageOrientationPatientDICOM": [
      1,
      0,
      0,
      0,
      1,
      0
    ],
    "ImageType": [
      "ORIGINAL",
      "PRIMARY",
      "M",
      "ND",
      "NORM",
      "MOSAIC"
    ],
    "InPlanePhaseEncodingDirectionDICOM": "COL",
    "InstitutionAddress": "Washington Rd, Princeton, NJ 08540, USA",
    "InstitutionName": "Princeton University",
    "InstitutionalDepartmentName": "Princeton Neuroscience Institute",
    "MRAcquisitionType": "2D",
    "MagneticFieldStrength": 3,
    "Manufacturer": "Siemens",
    "ManufacturersModelName": "Prisma",
    "Modality": "MR",
    "MultibandAccelerationFactor": 3,
    "NumberOfVolumesDiscardedByScanner": 3,
    "PartialFourier": 1,
    "PatientPosition": "HFS",
    "PercentPhaseFOV": 100,
    "PhaseEncodingDirection": "j-",
    "PhaseEncodingSteps": 96,
    "PhaseResolution": 1,
    "PixelBandwidth": 2480,
    "ProcedureStepDescription": "Hasson_Nastase_042518_Storyteller",
    "ProtocolName": "func_task-black",
    "PulseSequenceDetails": "%SiemensSeq%_ep2d_bold",
    "ReceiveCoilActiveElements": "HC1-7;NC1",
    "ReceiveCoilName": "HeadNeck_64",
    "ReconMatrixPE": 96,
    "RepetitionTime": 1.5,
    "SAR": 0.0395979,
    "ScanOptions": "FS",
    "ScanningSequence": "EP",
    "SequenceName": "_epfid2d1_96",
    "SequenceVariant": "SK",
    "SeriesDescription": "func_task-black",
    "SeriesNumber": 9,
    "ShimSetting": [
      742,
      445,
      2078,
      709,
      -109,
      -88,
      380,
      80
    ],
    "SliceThickness": 2.5,
    "SliceTiming": [
      1.11,
      0,
      0.74,
      0.0925,
      0.8325,
      0.185,
      0.925,
      0.2775,
      1.0175,
      0.4625,
      1.2025,
      0.555,
      1.295,
      0.6475,
      1.3875,
      0.37,
      1.11,
      0,
      0.74,
      0.0925,
      0.8325,
      0.185,
      0.925,
      0.2775,
      1.0175,
      0.4625,
      1.2025,
      0.555,
      1.295,
      0.6475,
      1.3875,
      0.37,
      1.11,
      0,
      0.74,
      0.0925,
      0.8325,
      0.185,
      0.925,
      0.2775,
      1.0175,
      0.4625,
      1.2025,
      0.555,
      1.295,
      0.6475,
      1.3875,
      0.37
    ],
    "SoftwareVersions": "syngo_MR_E11",
    "SpacingBetweenSlices": 2.5,
    "StationName": "AWP66018",
    "TaskDescription": "Passively listened to audio story 'black'",
    "TaskName": "black",
    "TotalReadoutTime": 0.0484496,
    "TxRefAmp": 214.179,
    "dataset": "ds002345",
    "modality": "bold",
    "subject_id": "289",
    "task_id": "black"
  },
  "dummy_trs": 0,
  "dvars_nstd": 24.133471382859746,
  "dvars_std": 1.2041600024954457,
  "dvars_vstd": 0.9989855656284161,
  "efc": 0.47309677365950087,
  "fber": 3916.98681640625,
  "fd_mean": 0.12156203073368949,
  "fd_num": 8,
  "fd_perc": 1.4545454545454546,
  "fwhm_avg": 2.032926666666667,
  "fwhm_x": 1.9230440000000002,
  "fwhm_y": 2.174612,
  "fwhm_z": 2.001124,
  "gcor": 0.0100806,
  "gsr_x": -0.01810573972761631,
  "gsr_y": 0.033724989742040634,
  "provenance": {
    "md5sum": "84ed7767c192da7fb9e09f6746830a1e",
    "settings": {
      "fd_thres": 0.2,
      "testing": false
    },
    "software": "mriqc",
    "version": "22.0.0rc1",
    "webapi_port": null,
    "webapi_url": "https://mriqc.nimh.nih.gov/api/v1"
  },
  "size_t": 550,
  "size_x": 96,
  "size_y": 96,
  "size_z": 48,
  "snr": 5.821395211441704,
  "spacing_tr": 1.5,
  "spacing_x": 2.5,
  "spacing_y": 2.5,
  "spacing_z": 2.5,
  "summary_bg_k": 38.363378880951046,
  "summary_bg_mad": 8.539789117932985,
  "summary_bg_mean": 33.95104217529297,
  "summary_bg_median": 12.592727661132812,
  "summary_bg_n": 306924.0,
  "summary_bg_p05": 4.838181972503662,
  "summary_bg_p95": 141.57736663818346,
  "summary_bg_stdv": 69.10576629638672,
  "summary_fg_k": 2.2220591414666018,
  "summary_fg_mad": 130.80860741880372,
  "summary_fg_mean": 798.62939453125,
  "summary_fg_median": 797.5536499023438,
  "summary_fg_n": 73156.0,
  "summary_fg_p05": 600.0786437988281,
  "summary_fg_p95": 1011.6577453613281,
  "summary_fg_stdv": 137.0029296875,
  "tsnr": 67.06955152354203
}