{
  "aor": 0.0026184406779661018,
  "aqi": 0.010642863389830507,
  "bids_meta": {
    "CogAtlasID": "https://www.cognitiveatlas.org/task/id/trm_4c8991fadfe01",
    "DeviceSerialNumber": "45031",
    "DwellTime": 5.4e-06,
    "EchoTime": 0.028,
    "EffectiveEchoSpacing": 0.000390001,
    "FlipAngle": 64,
    "InstitutionAddress": "Washington Rd, Princeton, NJ 08540, USA",
    "InstitutionName": "Princeton University",
    "InstitutionalDepartmentName": "Princeton Neuroscience Institute",
    "MagneticFieldStrength": 3,
    "Manufacturer": "Siemens",
    "ManufacturersModelName": "Skyra",
    "NumberOfVolumesDiscardedByScanner": 3,
    "ParallelReductionFactorInPlane": 2,
    "ParallelReductionType": "GRAPPA",
    "PartialFourier": 1,
    "PhaseEncodingDirection": "j-",
    "PixelBandwidth": 1445,
    "PulseSequenceDetails": "%SiemensSeq%_ep2d_bold",
    "PulseSequenceType": "Gradient Echo EPI",
    "ReceiveCoilActiveElements": "HE1-4",
    "ReceiveCoilName": "HeadNeck_20",
    "RepetitionTime": 1.5,
    "ScanOptions": "FS",
    "ScanningSequence": "EP",
    "SequenceName": "_epfid2d1_64",
    "SequenceVariant": "SK",
    "SliceTiming": [
      0,
      0.7775,
      0.055,
      0.8325,
      0.11,
      0.8875,
      0.165,
      0.9425,
      0.22,
      0.9975,
      0.2775,
      1.055,
      0.3325,
      1.11,
      0.3875,
      1.165,
      0.4425,
      1.22,
      0.5,
      1.2775,
      0.555,
      1.3325,
      0.61,
      1.3875,
      0.665,
      1.4425,
      0.72
    ],
    "SoftwareVersions": "syngo_MR_D11",
    "StationName": "AWP45031",
    "TaskDescription": "Passively listened to audio story 'milkyway'",
    "TaskName": "milkyway",
    "TotalReadoutTime": 0.0245701,
    "dataset": "ds002345",
    "modality": "bold",
    "subject_id": "105",
    "task_id": "milkyway"
  },
  "dummy_trs": 2,
  "dvars_nstd": 21.64847087214286,
  "dvars_std": 1.100565868469388,
  "dvars_vstd": 0.980246644897959,
  "efc": 0.5876256524996096,
  "fber": 1875.985107421875,
  "fd_mean": 0.16148495469110058,
  "fd_num": 43,
  "fd_perc": 14.576271186440678,
  "fwhm_avg": 1.7226348769656117,
  "fwhm_x": 1.6987733333333335,
  "fwhm_y": 1.9114333333333333,
  "fwhm_z": 1.5576979642301692,
  "gcor": 0.0331748,
  "gsr_x": -0.002176982583478093,
  "gsr_y": 0.0407918319106102,
  "provenance": {
    "md5sum": "42d9286026469710122cc0387c024581",
    "settings": {
      "fd_thres": 0.2,
      "testing": false
    },
    "software": "mriqc",
    "version": "22.0.0rc1",
    "webapi_port": null,
    "webapi_url": "https://mriqc.nimh.nih.gov/api/v1"
  },
  "size_t": 295,
  "size_x": 64,
  "size_y": 64,
  "size_z": 27,
  "snr": 6.574004256866567,
  "spacing_tr": 1.5,
  "spacing_x": 3.0,
  "spacing_y": 3.0,
  "spacing_z": 3.9999988079071045,
  "summary_bg_k": 21.154614440670773,
  "summary_bg_mad": 9.046385219763286,
  "summary_bg_mean": 32.18252944946289,
  "summary_bg_median": 14.284745216369629,
  "summary_bg_n": 54274.0,
  "summary_bg_p05": 6.559321880340576,
  "summary_bg_p95": 120.15745925903317,
  "summary_bg_stdv": 49.754112243652344,
  "summary_fg_k": 2.3707597540296046,
  "summary_fg_mad": 87.49868735037205,
  "summary_fg_mean": 655.2208251953125,
  "summary_fg_median": 643.58642578125,
  "summary_fg_n": 27713.0,
  "summary_fg_p05": 525.0562744140625,
  "summary_fg_p95": 826.7464355468749,
  "summary_fg_stdv": 97.89692687988281,
  "tsnr": 59.45138783333823
}