{
  "bids_meta": {
    "DeviceSerialNumber": "45031",
    "DwellTime": 8.2e-06,
    "EchoTime": 0.00308,
    "FlipAngle": 9,
    "InstitutionAddress": "Washington Rd, Princeton, NJ 08540, USA",
    "InstitutionName": "Princeton University",
    "InstitutionalDepartmentName": "Princeton Neuroscience Institute",
    "InversionTime": 0.9,
    "MagneticFieldStrength": 3,
    "Manufacturer": "Siemens",
    "ManufacturersModelName": "Skyra",
    "ParallelReductionFactorInPlane": 2,
    "ParallelReductionType": "GRAPPA",
    "PartialFourier": 1,
    "PixelBandwidth": 240,
    "PulseSequenceDetails": "%SiemensSeq%_tfl",
    "PulseSequenceType": "MPRAGE",
    "ReceiveCoilActiveElements": "HE1-4",
    "ReceiveCoilName": "HeadNeck_20",
    "RepetitionTime": 2.3,
    "ScanOptions": "IR",
    "ScanningSequence": "GR_IR",
    "SequenceName": "_tfl3d1_16ns",
    "SequenceVariant": "SK_SP_MP",
    "SoftwareVersions": "syngo_MR_D11",
    "StationName": "AWP45031",
    "dataset": "ds002345",
    "modality": "T1w",
    "subject_id": "093"
  },
  "cjv": 0.4307053280342223,
  "cnr": 3.0485420269253365,
  "efc": 0.6218401318942434,
  "fber": 912.4799409960063,
  "fwhm_avg": 3.3508767903520593,
  "fwhm_x": 3.3720776437834514,
  "fwhm_y": 3.511621818181818,
  "fwhm_z": 3.1689309090909092,
  "icvs_csf": 0.18196885541479324,
  "icvs_gm": 0.43836174414473406,
  "icvs_wm": 0.3796694004404727,
  "inu_med": 1.436075210571289,
  "inu_range": 0.5175138235092163,
  "provenance": {
    "md5sum": "1ffec7b2d92088c72f1477e26c567750",
    "settings": {
      "testing": false
    },
    "software": "mriqc",
    "version": "21.0.0rc2",
    "warnings": {
      "large_rot_frame": true,
      "small_air_mask": false
    },
    "webapi_port": null,
    "webapi_url": "https://mriqc.nimh.nih.gov/api/v1"
  },
  "qi_1": 0.0002540160063245343,
  "qi_2": 0.0034402555304959355,
  "rpve_csf": 22.320758670339078,
  "rpve_gm": 10.389606232261295,
  "rpve_wm": 14.216863943401147,
  "size_x": 192,
  "size_y": 256,
  "size_z": 256,
  "snr_csf": 3.0248421544088613,
  "snr_gm": 9.020598400618166,
  "snr_total": 9.60567767839699,
  "snr_wm": 16.771592480163942,
  "snrd_csf": 19.83821074811543,
  "snrd_gm": 36.52676083818138,
  "snrd_total": 36.21334523824186,
  "snrd_wm": 52.27506412842877,
  "spacing_x": 0.9000000357627869,
  "spacing_y": 0.859375,
  "spacing_z": 0.859375,
  "summary_bg_k": 97.97419605086938,
  "summary_bg_mad": 12.532482982791338,
  "summary_bg_mean": 21.67708081164239,
  "summary_bg_median": 19.766110822558403,
  "summary_bg_n": 2768805.0,
  "summary_bg_p05": 2.8600481897592545,
  "summary_bg_p95": 47.41324332356453,
  "summary_bg_stdv": 14.505250435927872,
  "summary_csf_k": 4.832990494069182,
  "summary_csf_mad": 141.62648062507805,
  "summary_csf_mean": 370.4964657798543,
  "summary_csf_median": 379.4966164678335,
  "summary_csf_n": 19483.0,
  "summary_csf_p05": 176.63022053688763,
  "summary_csf_p95": 555.0400186926126,
  "summary_csf_stdv": 125.45675370752953,
  "summary_gm_k": 0.3064298827119307,
  "summary_gm_mad": 73.02762640348335,
  "summary_gm_mean": 701.4727040770767,
  "summary_gm_median": 698.7415510714054,
  "summary_gm_n": 39234.0,
  "summary_gm_p05": 577.5168196327984,
  "summary_gm_p95": 835.4740993611514,
  "summary_gm_stdv": 77.45967786023418,
  "summary_wm_k": 0.5203787179266541,
  "summary_wm_mad": 56.725975606318684,
  "summary_wm_mean": 999.0132275082218,
  "summary_wm_median": 999.9999603927135,
  "summary_wm_n": 309691.0,
  "summary_wm_p05": 899.5169339925051,
  "summary_wm_p95": 1094.5722205340862,
  "summary_wm_stdv": 59.62453160376152,
  "tpm_overlap_csf": 0.16990526020526886,
  "tpm_overlap_gm": 0.4325041174888611,
  "tpm_overlap_wm": 0.4825763702392578,
  "wm2max": 0.5085819568801112
}