{
  "aor": 0.00070986531986532,
  "aqi": 0.01293627323232323,
  "bids_meta": {
    "CogAtlasID": "https://www.cognitiveatlas.org/task/id/trm_4c8991fadfe01",
    "DeviceSerialNumber": "45031",
    "DwellTime": 5.4e-06,
    "EchoTime": 0.028,
    "EffectiveEchoSpacing": 0.000390001,
    "FlipAngle": 64,
    "InstitutionAddress": "Washington Rd, Princeton, NJ 08540, USA",
    "InstitutionName": "Princeton University",
    "InstitutionalDepartmentName": "Princeton Neuroscience Institute",
    "MagneticFieldStrength": 3,
    "Manufacturer": "Siemens",
    "ManufacturersModelName": "Skyra",
    "NumberOfVolumesDiscardedByScanner": 3,
    "ParallelReductionFactorInPlane": 2,
    "ParallelReductionType": "GRAPPA",
    "PartialFourier": 1,
    "PhaseEncodingDirection": "j-",
    "PixelBandwidth": 1445,
    "PulseSequenceDetails": "%SiemensSeq%_ep2d_bold",
    "PulseSequenceType": "Gradient Echo EPI",
    "ReceiveCoilActiveElements": "HE1-4",
    "ReceiveCoilName": "HeadNeck_20",
    "RepetitionTime": 1.5,
    "ScanOptions": "FS",
    "ScanningSequence": "EP",
    "SequenceName": "_epfid2d1_64",
    "SequenceVariant": "SK",
    "SliceTiming": [
      0,
      0.7775,
      0.055,
      0.8325,
      0.11,
      0.8875,
      0.165,
      0.9425,
      0.22,
      0.9975,
      0.2775,
      1.055,
      0.3325,
      1.11,
      0.3875,
      1.165,
      0.4425,
      1.22,
      0.5,
      1.2775,
      0.555,
      1.3325,
      0.61,
      1.3875,
      0.665,
      1.4425,
      0.72
    ],
    "SoftwareVersions": "syngo_MR_D11",
    "StationName": "AWP45031",
    "TaskDescription": "Passively listened to audio story 'milkyway'",
    "TaskName": "milkyway",
    "TotalReadoutTime": 0.0245701,
    "dataset": "ds002345",
    "modality": "bold",
    "subject_id": "114",
    "task_id": "milkyway"
  },
  "dummy_trs": 0,
  "dvars_nstd": 20.269496466452686,
  "dvars_std": 1.0462011361486483,
  "dvars_vstd": 0.9597590221621612,
  "efc": 0.5887416271792201,
  "fber": 1889.2210693359375,
  "fd_mean": 0.21524729774288612,
  "fd_num": 168,
  "fd_perc": 56.56565656565657,
  "fwhm_avg": 1.8015823703195961,
  "fwhm_x": 1.6994966666666667,
  "fwhm_y": 2.0734933333333334,
  "fwhm_z": 1.631757110958788,
  "gcor": 0.00882617,
  "gsr_x": -0.012235279195010662,
  "gsr_y": 0.038962963968515396,
  "provenance": {
    "md5sum": "39d83cefbb3e72fd21849b690f86dbd4",
    "settings": {
      "fd_thres": 0.2,
      "testing": false
    },
    "software": "mriqc",
    "version": "22.0.0rc1",
    "webapi_port": null,
    "webapi_url": "https://mriqc.nimh.nih.gov/api/v1"
  },
  "size_t": 297,
  "size_x": 64,
  "size_y": 64,
  "size_z": 27,
  "snr": 7.528870839414135,
  "spacing_tr": 1.5,
  "spacing_x": 3.0,
  "spacing_y": 3.0,
  "spacing_z": 4.000000953674316,
  "summary_bg_k": 22.77956105531697,
  "summary_bg_mad": 10.577892091373357,
  "summary_bg_mean": 36.874046325683594,
  "summary_bg_median": 15.239056587219238,
  "summary_bg_n": 54916.0,
  "summary_bg_p05": 6.4368685483932495,
  "summary_bg_p95": 140.62457656860352,
  "summary_bg_stdv": 63.15681838989258,
  "summary_fg_k": 3.1164642271315355,
  "summary_fg_mad": 84.26372966547478,
  "summary_fg_mean": 701.99951171875,
  "summary_fg_median": 695.9696655273438,
  "summary_fg_n": 27241.0,
  "summary_fg_p05": 574.2222290039062,
  "summary_fg_p95": 850.9797973632812,
  "summary_fg_stdv": 92.43841552734375,
  "tsnr": 59.22929358109832
}