{
  "aor": 0.0005727355371900827,
  "aqi": 0.00897182252892562,
  "bids_meta": {
    "CogAtlasID": "https://www.cognitiveatlas.org/task/id/trm_4c8991fadfe01",
    "DeviceSerialNumber": "45031",
    "DwellTime": 5.4e-06,
    "EchoTime": 0.028,
    "EffectiveEchoSpacing": 0.000390001,
    "FlipAngle": 64,
    "InstitutionAddress": "Washington Rd, Princeton, NJ 08540, USA",
    "InstitutionName": "Princeton University",
    "InstitutionalDepartmentName": "Princeton Neuroscience Institute",
    "MagneticFieldStrength": 3,
    "Manufacturer": "Siemens",
    "ManufacturersModelName": "Skyra",
    "NumberOfVolumesDiscardedByScanner": 3,
    "ParallelReductionFactorInPlane": 2,
    "ParallelReductionType": "GRAPPA",
    "PartialFourier": 1,
    "PhaseEncodingDirection": "j-",
    "PixelBandwidth": 1445,
    "PulseSequenceDetails": "%SiemensSeq%_ep2d_bold",
    "PulseSequenceType": "Gradient Echo EPI",
    "ReceiveCoilActiveElements": "HE1-4",
    "ReceiveCoilName": "HeadNeck_20",
    "RepetitionTime": 1.5,
    "ScanOptions": "FS",
    "ScanningSequence": "EP",
    "SequenceName": "_epfid2d1_64",
    "SequenceVariant": "SK",
    "SliceTiming": [
      0,
      0.7775,
      0.055,
      0.8325,
      0.11,
      0.8875,
      0.1675,
      0.945,
      0.2225,
      1,
      0.2775,
      1.055,
      0.3325,
      1.11,
      0.3875,
      1.165,
      0.445,
      1.2225,
      0.5,
      1.2775,
      0.555,
      1.3325,
      0.61,
      1.3875,
      0.6675,
      1.445,
      0.7225
    ],
    "SoftwareVersions": "syngo_MR_D11",
    "StationName": "AWP45031",
    "TaskDescription": "Passively listened to audio story 'slumlordreach'",
    "TaskName": "slumlordreach",
    "TotalReadoutTime": 0.0245701,
    "dataset": "ds002345",
    "modality": "bold",
    "subject_id": "138",
    "task_id": "slumlordreach"
  },
  "dummy_trs": 0,
  "dvars_nstd": 20.24437285606284,
  "dvars_std": 1.2113805940033073,
  "dvars_vstd": 0.9857053096691484,
  "efc": 0.5544598888551635,
  "fber": 2099.96435546875,
  "fd_mean": 0.10251251428445564,
  "fd_num": 79,
  "fd_perc": 6.528925619834711,
  "fwhm_avg": 1.7310773473010095,
  "fwhm_x": 1.6765766666666666,
  "fwhm_y": 1.9428,
  "fwhm_z": 1.5738553752363622,
  "gcor": 0.171392,
  "gsr_x": -0.007702255621552467,
  "gsr_y": 0.03972826898097992,
  "provenance": {
    "md5sum": "cc667297b1e949a6692cc5e59d490331",
    "settings": {
      "fd_thres": 0.2,
      "testing": false
    },
    "software": "mriqc",
    "version": "22.0.0rc1",
    "webapi_port": null,
    "webapi_url": "https://mriqc.nimh.nih.gov/api/v1"
  },
  "size_t": 1210,
  "size_x": 64,
  "size_y": 64,
  "size_z": 27,
  "snr": 7.168542153247239,
  "spacing_tr": 1.5,
  "spacing_x": 3.0,
  "spacing_y": 3.0,
  "spacing_z": 3.9999990463256836,
  "summary_bg_k": 32.4195762605891,
  "summary_bg_mad": 10.041261508184055,
  "summary_bg_mean": 33.14251708984375,
  "summary_bg_median": 15.326446533203125,
  "summary_bg_n": 59267.0,
  "summary_bg_p05": 7.026115798950196,
  "summary_bg_p95": 113.32933807373024,
  "summary_bg_stdv": 51.410194396972656,
  "summary_fg_k": 1.96953270028353,
  "summary_fg_mad": 95.96908411936722,
  "summary_fg_mean": 734.531005859375,
  "summary_fg_median": 725.1991577148438,
  "summary_fg_n": 24136.0,
  "summary_fg_p05": 598.0532989501953,
  "summary_fg_p95": 906.2506103515625,
  "summary_fg_stdv": 101.1620101928711,
  "tsnr": 59.6150860786438
}