{
  "bids_meta": {
    "DeviceSerialNumber": "45031",
    "DwellTime": 8.2e-06,
    "EchoTime": 0.00308,
    "FlipAngle": 9,
    "InstitutionAddress": "Washington Rd, Princeton, NJ 08540, USA",
    "InstitutionName": "Princeton University",
    "InstitutionalDepartmentName": "Princeton Neuroscience Institute",
    "InversionTime": 0.9,
    "MagneticFieldStrength": 3,
    "Manufacturer": "Siemens",
    "ManufacturersModelName": "Skyra",
    "ParallelReductionFactorInPlane": 2,
    "ParallelReductionType": "GRAPPA",
    "PartialFourier": 1,
    "PixelBandwidth": 240,
    "PulseSequenceDetails": "%SiemensSeq%_tfl",
    "PulseSequenceType": "MPRAGE",
    "ReceiveCoilActiveElements": "HE1-4",
    "ReceiveCoilName": "HeadNeck_20",
    "RepetitionTime": 2.3,
    "ScanOptions": "IR",
    "ScanningSequence": "GR_IR",
    "SequenceName": "_tfl3d1_16ns",
    "SequenceVariant": "SK_SP_MP",
    "SoftwareVersions": "syngo_MR_D11",
    "StationName": "AWP45031",
    "dataset": "ds002345",
    "modality": "T1w",
    "subject_id": "139"
  },
  "cjv": 0.6161628757285492,
  "cnr": 2.1756711658567203,
  "efc": 0.6985979837397498,
  "fber": 646.5236466389055,
  "fwhm_avg": 3.3531058006084833,
  "fwhm_x": 3.3603443109163584,
  "fwhm_y": 3.4523461818181818,
  "fwhm_z": 3.2466269090909092,
  "icvs_csf": 0.19195273178983455,
  "icvs_gm": 0.4322898715342519,
  "icvs_wm": 0.3757573966759135,
  "inu_med": 1.3635270595550537,
  "inu_range": 0.541804838180542,
  "provenance": {
    "md5sum": "8ac157f37144826352aad86986e7adc8",
    "settings": {
      "testing": false
    },
    "software": "mriqc",
    "version": "22.0.0rc1",
    "warnings": {
      "large_rot_frame": true,
      "small_air_mask": false
    },
    "webapi_port": null,
    "webapi_url": "https://mriqc.nimh.nih.gov/api/v1"
  },
  "qi_1": 0.0,
  "qi_2": 0.002444449457959367,
  "rpve_csf": 18.451145474460176,
  "rpve_gm": 9.029849115513779,
  "rpve_wm": 12.27694324427593,
  "size_x": 192,
  "size_y": 244,
  "size_z": 225,
  "snr_csf": 2.9699548455110416,
  "snr_gm": 8.473452702492411,
  "snr_total": 8.57255550248049,
  "snr_wm": 14.274258959438018,
  "snrd_csf": 18.960218216024117,
  "snrd_gm": 33.10046690870193,
  "snrd_total": 32.0443357452639,
  "snrd_wm": 44.07232211106564,
  "spacing_x": 0.9000000357627869,
  "spacing_y": 0.859375,
  "spacing_z": 0.859375,
  "summary_bg_k": 158.50063597718255,
  "summary_bg_mad": 14.8660866037523,
  "summary_bg_mean": 27.676322804683018,
  "summary_bg_median": 25.52979625016451,
  "summary_bg_n": 1982274.0,
  "summary_bg_p05": 6.400227472186089,
  "summary_bg_p95": 60.731047347187996,
  "summary_bg_stdv": 18.146681644310306,
  "summary_csf_k": -0.45980196752174995,
  "summary_csf_mad": 166.9008162676588,
  "summary_csf_mean": 428.64231812366376,
  "summary_csf_median": 430.23751340806484,
  "summary_csf_n": 15754.0,
  "summary_csf_p05": 202.81254154779018,
  "summary_csf_p95": 656.6171147812157,
  "summary_csf_stdv": 144.85872031885512,
  "summary_gm_k": 0.37993636668314545,
  "summary_gm_mad": 84.55745713623648,
  "summary_gm_mean": 757.0465895292417,
  "summary_gm_median": 751.1022506803274,
  "summary_gm_n": 27723.0,
  "summary_gm_p05": 622.5999057665467,
  "summary_gm_p95": 913.9453716643153,
  "summary_gm_stdv": 88.64021909072794,
  "summary_wm_k": 0.2518625755651538,
  "summary_wm_mad": 68.8479046258883,
  "summary_wm_mean": 1002.0426715662078,
  "summary_wm_median": 1000.0710993483663,
  "summary_wm_n": 300735.0,
  "summary_wm_p05": 890.7694368511438,
  "summary_wm_p95": 1119.6131258010864,
  "summary_wm_stdv": 70.0610406100433,
  "tpm_overlap_csf": 0.18069379031658173,
  "tpm_overlap_gm": 0.45318371057510376,
  "tpm_overlap_wm": 0.49741023778915405,
  "wm2max": 0.4420797837226117
}