{
  "aor": 0.003477345276872964,
  "aqi": 0.023094649169381105,
  "bids_meta": {
    "CogAtlasID": "https://www.cognitiveatlas.org/task/id/trm_4c8991fadfe01",
    "DeviceSerialNumber": "45031",
    "DwellTime": 4.9e-06,
    "EchoTime": 0.028,
    "EffectiveEchoSpacing": 0.000355001,
    "FlipAngle": 64,
    "InstitutionAddress": "Washington Rd, Princeton, NJ 08540, USA",
    "InstitutionName": "Princeton University",
    "InstitutionalDepartmentName": "Princeton Neuroscience Institute",
    "MagneticFieldStrength": 3,
    "Manufacturer": "Siemens",
    "ManufacturersModelName": "Skyra",
    "NumberOfVolumesDiscardedByScanner": 3,
    "ParallelReductionFactorInPlane": 2,
    "ParallelReductionType": "GRAPPA",
    "PartialFourier": 1,
    "PhaseEncodingDirection": "j-",
    "PixelBandwidth": 1595,
    "PulseSequenceDetails": "%SiemensSeq%_ep2d_bold",
    "PulseSequenceType": "Gradient Echo EPI",
    "ReceiveCoilActiveElements": "HE1-4",
    "ReceiveCoilName": "HeadNeck_20",
    "RepetitionTime": 1.5,
    "ScanOptions": "FS",
    "ScanningSequence": "EP",
    "SequenceName": "_epfid2d1_64",
    "SequenceVariant": "SK",
    "SliceTiming": [
      0,
      0.7675,
      0.055,
      0.8225,
      0.1075,
      0.875,
      0.1625,
      0.93,
      0.2175,
      0.985,
      0.2725,
      1.04,
      0.3275,
      1.095,
      0.3825,
      1.15,
      0.4375,
      1.205,
      0.4925,
      1.26,
      0.5475,
      1.315,
      0.6025,
      1.37,
      0.6575,
      1.425,
      0.7125
    ],
    "SoftwareVersions": "syngo_MR_D13",
    "StationName": "AWP45031",
    "TaskDescription": "Passively listened to audio story 'merlin'",
    "TaskName": "merlin",
    "TotalReadoutTime": 0.022365,
    "dataset": "ds002345",
    "modality": "bold",
    "subject_id": "170",
    "task_id": "merlin"
  },
  "dummy_trs": 0,
  "dvars_nstd": 21.21186808384992,
  "dvars_std": 1.1086230644861348,
  "dvars_vstd": 0.9874119532789565,
  "efc": 0.6185509961488848,
  "fber": 1180.1964111328125,
  "fd_mean": 0.1698814266368334,
  "fd_num": 106,
  "fd_perc": 17.263843648208468,
  "fwhm_avg": 1.725777222222222,
  "fwhm_x": 1.71007,
  "fwhm_y": 1.9261966666666668,
  "fwhm_z": 1.541065,
  "gcor": 0.0123119,
  "gsr_x": 0.017308073118329048,
  "gsr_y": 0.029964184388518333,
  "provenance": {
    "md5sum": "877653c061d4693970f0d39361fd1649",
    "settings": {
      "fd_thres": 0.2,
      "testing": false
    },
    "software": "mriqc",
    "version": "22.0.0rc1",
    "webapi_port": null,
    "webapi_url": "https://mriqc.nimh.nih.gov/api/v1"
  },
  "size_t": 614,
  "size_x": 64,
  "size_y": 64,
  "size_z": 27,
  "snr": 8.128090069091286,
  "spacing_tr": 1.5,
  "spacing_x": 3.0,
  "spacing_y": 3.0,
  "spacing_z": 4.0,
  "summary_bg_k": 11.598361420737374,
  "summary_bg_mad": 17.8008851072458,
  "summary_bg_mean": 55.635955810546875,
  "summary_bg_median": 20.665307998657227,
  "summary_bg_n": 52960.0,
  "summary_bg_p05": 6.944543933868409,
  "summary_bg_p95": 249.23989105224575,
  "summary_bg_stdv": 84.83702087402344,
  "summary_fg_k": 3.4775617467293296,
  "summary_fg_mad": 79.14773851402015,
  "summary_fg_mean": 735.6615600585938,
  "summary_fg_median": 730.7353515625,
  "summary_fg_n": 28714.0,
  "summary_fg_p05": 608.9543853759766,
  "summary_fg_p95": 881.1001190185547,
  "summary_fg_stdv": 89.9009017944336,
  "tsnr": 50.0515760704875
}