{
  "aor": 0.004654393939393939,
  "aqi": 0.027450930674931127,
  "bids_meta": {
    "CogAtlasID": "https://www.cognitiveatlas.org/task/id/trm_4c8991fadfe01",
    "DeviceSerialNumber": "45031",
    "DwellTime": 4.9e-06,
    "EchoTime": 0.028,
    "EffectiveEchoSpacing": 0.000355001,
    "FlipAngle": 64,
    "InstitutionAddress": "Washington Rd, Princeton, NJ 08540, USA",
    "InstitutionName": "Princeton University",
    "InstitutionalDepartmentName": "Princeton Neuroscience Institute",
    "MagneticFieldStrength": 3,
    "Manufacturer": "Siemens",
    "ManufacturersModelName": "Skyra",
    "NumberOfVolumesDiscardedByScanner": 3,
    "ParallelReductionFactorInPlane": 2,
    "ParallelReductionType": "GRAPPA",
    "PartialFourier": 1,
    "PhaseEncodingDirection": "j-",
    "PixelBandwidth": 1595,
    "PulseSequenceDetails": "%SiemensSeq%_ep2d_bold",
    "PulseSequenceType": "Gradient Echo EPI",
    "ReceiveCoilActiveElements": "HE1-4",
    "ReceiveCoilName": "HeadNeck_20",
    "RepetitionTime": 1.5,
    "ScanOptions": "FS",
    "ScanningSequence": "EP",
    "SequenceName": "_epfid2d1_64",
    "SequenceVariant": "SK",
    "SliceTiming": [
      0,
      0.7675,
      0.055,
      0.8225,
      0.1075,
      0.875,
      0.1625,
      0.93,
      0.2175,
      0.985,
      0.2725,
      1.04,
      0.3275,
      1.095,
      0.3825,
      1.15,
      0.4375,
      1.205,
      0.4925,
      1.26,
      0.5475,
      1.315,
      0.6025,
      1.37,
      0.6575,
      1.425,
      0.7125
    ],
    "SoftwareVersions": "syngo_MR_D13",
    "StationName": "AWP45031",
    "TaskDescription": "Passively listened to audio story 'sherlock'",
    "TaskName": "sherlock",
    "TotalReadoutTime": 0.022365,
    "dataset": "ds002345",
    "modality": "bold",
    "subject_id": "170",
    "task_id": "sherlock"
  },
  "dummy_trs": 0,
  "dvars_nstd": 20.76532746169655,
  "dvars_std": 1.0611967808137936,
  "dvars_vstd": 0.9532844132275872,
  "efc": 0.6191311082840827,
  "fber": 1183.6446533203125,
  "fd_mean": 0.15204436609284405,
  "fd_num": 105,
  "fd_perc": 14.462809917355372,
  "fwhm_avg": 1.7443008333333332,
  "fwhm_x": 1.7347366666666666,
  "fwhm_y": 1.9346233333333334,
  "fwhm_z": 1.5635425,
  "gcor": 0.00915014,
  "gsr_x": 0.02014954760670662,
  "gsr_y": 0.03003530390560627,
  "provenance": {
    "md5sum": "2764b5f408041ac1dae6b44f2c754d97",
    "settings": {
      "fd_thres": 0.2,
      "testing": false
    },
    "software": "mriqc",
    "version": "22.0.0rc1",
    "webapi_port": null,
    "webapi_url": "https://mriqc.nimh.nih.gov/api/v1"
  },
  "size_t": 726,
  "size_x": 64,
  "size_y": 64,
  "size_z": 27,
  "snr": 8.087230275189453,
  "spacing_tr": 1.5,
  "spacing_x": 3.0,
  "spacing_y": 3.0,
  "spacing_z": 4.0,
  "summary_bg_k": 11.10382120019713,
  "summary_bg_mad": 17.989319593885263,
  "summary_bg_mean": 56.014652252197266,
  "summary_bg_median": 20.47658348083496,
  "summary_bg_n": 52897.0,
  "summary_bg_p05": 6.717630863189697,
  "summary_bg_p95": 248.83802490234345,
  "summary_bg_stdv": 85.48137664794922,
  "summary_fg_k": 3.4559556417514354,
  "summary_fg_mad": 79.4498874890928,
  "summary_fg_mean": 733.245849609375,
  "summary_fg_median": 728.4600830078125,
  "summary_fg_n": 28651.0,
  "summary_fg_p05": 606.5372009277344,
  "summary_fg_p95": 876.6708068847656,
  "summary_fg_stdv": 90.07377624511719,
  "tsnr": 46.82436761446297
}