{
  "bids_meta": {
    "DeviceSerialNumber": "66018",
    "DwellTime": 9.8e-06,
    "EchoTime": 0.00267,
    "FlipAngle": 7,
    "InstitutionAddress": "Washington Rd, Building 25, Princeton, NJ 08540, USA",
    "InstitutionName": "Princeton University",
    "InstitutionalDepartmentName": "Princeton Neuroscience Institute",
    "InversionTime": 1.2,
    "MagneticFieldStrength": 3,
    "Manufacturer": "Siemens",
    "ManufacturersModelName": "Prisma",
    "ParallelReductionFactorInPlane": 2,
    "ParellelReductionType": "TODO",
    "PartialFourier": 1,
    "PixelBandwidth": 200,
    "PulseSequenceDetails": "%SiemensSeq%_tfl",
    "PulseSequenceType": "MPRAGE",
    "ReceiveCoilActiveElements": "HC1-7;NC1",
    "ReceiveCoilName": "HeadNeck_64",
    "RepetitionTime": 2.53,
    "ScanOptions": "IR",
    "ScanningSequence": "GR_IR",
    "SequenceName": "_tfl3d1_16",
    "SequenceVariant": "SK_SP_MP",
    "SoftwareVersions": "syngo_MR_D13D",
    "StationName": "AWP66018",
    "dataset": "ds002345",
    "modality": "T1w",
    "subject_id": "229"
  },
  "cjv": 0.4208034563645418,
  "cnr": 2.9774293354840915,
  "efc": 0.5880143706828652,
  "fber": 289.73960302457465,
  "fwhm_avg": 3.9644266666666668,
  "fwhm_x": 3.87673,
  "fwhm_y": 3.93817,
  "fwhm_z": 4.07838,
  "icvs_csf": 0.19602385124317862,
  "icvs_gm": 0.4006271247752784,
  "icvs_wm": 0.403349023981543,
  "inu_med": 1.3338037729263306,
  "inu_range": 0.6654326915740967,
  "provenance": {
    "md5sum": "59c051be5e4e82594bf3e6d835e8ebfb",
    "settings": {
      "testing": false
    },
    "software": "mriqc",
    "version": "22.0.0rc1",
    "warnings": {
      "large_rot_frame": true,
      "small_air_mask": false
    },
    "webapi_port": null,
    "webapi_url": "https://mriqc.nimh.nih.gov/api/v1"
  },
  "qi_1": 0.0,
  "qi_2": 0.002107266010753923,
  "rpve_csf": 27.5096651219137,
  "rpve_gm": 14.000029551191282,
  "rpve_wm": 17.514319249185043,
  "size_x": 176,
  "size_y": 256,
  "size_z": 256,
  "snr_csf": 2.9016674031845593,
  "snr_gm": 10.375071634244506,
  "snr_total": 11.267245139466707,
  "snr_wm": 20.524996380971054,
  "snrd_csf": 11.462439096501958,
  "snrd_gm": 21.17325488619845,
  "snrd_total": 20.479204346199513,
  "snrd_wm": 28.801919055898136,
  "spacing_x": 1.0,
  "spacing_y": 1.0,
  "spacing_z": 1.0,
  "summary_bg_k": 1.938293938485649,
  "summary_bg_mad": 22.7462750767553,
  "summary_bg_mean": 43.54144920384775,
  "summary_bg_median": 41.36238084733486,
  "summary_bg_n": 3616832.0,
  "summary_bg_p05": 11.291807234287262,
  "summary_bg_p95": 83.39981538802385,
  "summary_bg_stdv": 22.793394639859528,
  "summary_csf_k": -0.828269233840567,
  "summary_csf_mad": 158.95097023636603,
  "summary_csf_mean": 377.5195388551409,
  "summary_csf_median": 397.97483649104834,
  "summary_csf_n": 11831.0,
  "summary_csf_p05": 156.06014019995928,
  "summary_csf_p95": 575.7901161722839,
  "summary_csf_stdv": 137.14804685893986,
  "summary_gm_k": 0.5225675007829254,
  "summary_gm_mad": 65.78222752197632,
  "summary_gm_mean": 737.7420796386389,
  "summary_gm_median": 735.1334720626473,
  "summary_gm_n": 19213.0,
  "summary_gm_p05": 625.836142256856,
  "summary_gm_p95": 858.6314768359064,
  "summary_gm_stdv": 70.85390506990765,
  "summary_wm_k": 0.6892537877962712,
  "summary_wm_mad": 45.67452035412464,
  "summary_wm_mean": 1002.2182158469127,
  "summary_wm_median": 999.9999939277768,
  "summary_wm_n": 217829.0,
  "summary_wm_p05": 926.6646154224873,
  "summary_wm_p95": 1085.3022333607078,
  "summary_wm_stdv": 48.7209683249338,
  "tpm_overlap_csf": 0.15677346289157867,
  "tpm_overlap_gm": 0.4134862422943115,
  "tpm_overlap_wm": 0.47762641310691833,
  "wm2max": 0.3604862593511035
}