{
  "aor": 0.0017447368421052631,
  "aqi": 0.0048216299220272905,
  "bids_meta": {
    "CogAtlasID": "https://www.cognitiveatlas.org/task/id/trm_4c8991fadfe01",
    "DeviceSerialNumber": "66018",
    "DwellTime": 4.2e-06,
    "EchoTime": 0.039,
    "EffectiveEchoSpacing": 0.000929976,
    "FlipAngle": 50,
    "InstitutionAddress": "Washington Rd, Princeton, NJ 08540, USA",
    "InstitutionName": "Princeton University",
    "InstitutionalDepartmentName": "Princeton Neuroscience Institute",
    "MagneticFieldStrength": 3,
    "Manufacturer": "Siemens",
    "ManufacturersModelName": "Prisma",
    "NumberOfVolumesDiscardedByScanner": 3,
    "ParallelReductionType": "GRAPPA",
    "PartialFourier": 0.75,
    "PhaseEncodingDirection": "j-",
    "PixelBandwidth": 1240,
    "PulseSequenceDetails": "%CustomerSeq%_ep2d_bold_sms_mgh_v22",
    "PulseSequenceType": "Gradient Echo EPI",
    "ReceiveCoilActiveElements": "HC1-7;NC1,2",
    "ReceiveCoilName": "HeadNeck_64",
    "RepetitionTime": 1.5,
    "ScanOptions": "PFP_FS",
    "ScanningSequence": "EP",
    "SequenceName": "epfSM2d1_96",
    "SequenceVariant": "SK",
    "SliceTiming": [
      0.6925,
      0,
      0.79,
      0.1,
      0.8875,
      0.1975,
      0.9875,
      0.2975,
      1.085,
      0.395,
      1.185,
      0.495,
      1.2825,
      0.5925,
      1.3825,
      0.6925,
      0,
      0.79,
      0.1,
      0.8875,
      0.1975,
      0.9875,
      0.2975,
      1.085,
      0.395,
      1.185,
      0.495,
      1.2825,
      0.5925,
      1.3825,
      0.6925,
      0,
      0.79,
      0.1,
      0.8875,
      0.1975,
      0.9875,
      0.2975,
      1.085,
      0.395,
      1.185,
      0.495,
      1.2825,
      0.5925,
      1.3825,
      0.6925,
      0,
      0.79,
      0.1,
      0.8875,
      0.1975,
      0.9875,
      0.2975,
      1.085,
      0.395,
      1.185,
      0.495,
      1.2825,
      0.5925,
      1.3825
    ],
    "SoftwareVersions": "syngo_MR_D13D",
    "StationName": "AWP66018",
    "TaskDescription": "Passively listened to audio story 'schema'",
    "TaskName": "schema",
    "TotalReadoutTime": 0.0883478,
    "dataset": "ds002345",
    "modality": "bold",
    "run_id": 2,
    "subject_id": "181",
    "task_id": "schema"
  },
  "dummy_trs": 1,
  "dvars_nstd": 35.826009571425786,
  "dvars_std": 1.1638551115039057,
  "dvars_vstd": 1.0147958858007806,
  "efc": 0.6083165570268968,
  "fber": 217.9105682373047,
  "fd_mean": 0.09038743636270571,
  "fd_num": 16,
  "fd_perc": 3.1189083820662766,
  "fwhm_avg": 2.859855,
  "fwhm_x": 2.596705,
  "fwhm_y": 3.04977,
  "fwhm_z": 2.93309,
  "gcor": 0.0117697,
  "gsr_x": -0.02306482568383217,
  "gsr_y": 0.09426210820674896,
  "provenance": {
    "md5sum": "79a415de9048a9effca4b4a180c7ab0a",
    "settings": {
      "fd_thres": 0.2,
      "testing": false
    },
    "software": "mriqc",
    "version": "22.0.6",
    "webapi_port": null,
    "webapi_url": "https://mriqc.nimh.nih.gov/api/v1"
  },
  "size_t": 513,
  "size_x": 96,
  "size_y": 96,
  "size_z": 60,
  "snr": 1.8880146767943935,
  "spacing_tr": 1.5,
  "spacing_x": 2.0,
  "spacing_y": 2.0,
  "spacing_z": 2.0,
  "summary_bg_k": 30.292409334164134,
  "summary_bg_mad": 11.022699904182456,
  "summary_bg_mean": 60.138282775878906,
  "summary_bg_median": 30.40350914001465,
  "summary_bg_n": 295889.0,
  "summary_bg_p05": 21.473684310913086,
  "summary_bg_p95": 211.24483947753902,
  "summary_bg_stdv": 81.71653747558594,
  "summary_fg_k": 4.061246537293092,
  "summary_fg_mad": 201.10070695833963,
  "summary_fg_mean": 520.3475952148438,
  "summary_fg_median": 473.6890869140625,
  "summary_fg_n": 162680.0,
  "summary_fg_p05": 222.82533798217776,
  "summary_fg_p95": 992.9857971191399,
  "summary_fg_stdv": 250.8919219970703,
  "tsnr": 43.00448578223586
}