{
  "aor": 0.0013941423948220064,
  "aqi": 0.00609988928802589,
  "bids_meta": {
    "CogAtlasID": "https://www.cognitiveatlas.org/task/id/trm_4c8991fadfe01",
    "DeviceSerialNumber": "66018",
    "DwellTime": 4.2e-06,
    "EchoTime": 0.039,
    "EffectiveEchoSpacing": 0.000929976,
    "FlipAngle": 50,
    "InstitutionAddress": "Washington Rd, Princeton, NJ 08540, USA",
    "InstitutionName": "Princeton University",
    "InstitutionalDepartmentName": "Princeton Neuroscience Institute",
    "MagneticFieldStrength": 3,
    "Manufacturer": "Siemens",
    "ManufacturersModelName": "Prisma",
    "NumberOfVolumesDiscardedByScanner": 3,
    "ParallelReductionType": "GRAPPA",
    "PartialFourier": 0.75,
    "PhaseEncodingDirection": "j-",
    "PixelBandwidth": 1240,
    "PulseSequenceDetails": "%CustomerSeq%_ep2d_bold_sms_mgh_v22",
    "PulseSequenceType": "Gradient Echo EPI",
    "ReceiveCoilActiveElements": "HC1-7;NC1,2",
    "ReceiveCoilName": "HeadNeck_64",
    "RepetitionTime": 1.5,
    "ScanOptions": "PFP_FS",
    "ScanningSequence": "EP",
    "SequenceName": "epfSM2d1_96",
    "SequenceVariant": "SK",
    "SliceTiming": [
      0.6925,
      0,
      0.79,
      0.1,
      0.8875,
      0.1975,
      0.9875,
      0.2975,
      1.085,
      0.395,
      1.185,
      0.495,
      1.2825,
      0.5925,
      1.3825,
      0.6925,
      0,
      0.79,
      0.1,
      0.8875,
      0.1975,
      0.9875,
      0.2975,
      1.085,
      0.395,
      1.185,
      0.495,
      1.2825,
      0.5925,
      1.3825,
      0.6925,
      0,
      0.79,
      0.1,
      0.8875,
      0.1975,
      0.9875,
      0.2975,
      1.085,
      0.395,
      1.185,
      0.495,
      1.2825,
      0.5925,
      1.3825,
      0.6925,
      0,
      0.79,
      0.1,
      0.8875,
      0.1975,
      0.9875,
      0.2975,
      1.085,
      0.395,
      1.185,
      0.495,
      1.2825,
      0.5925,
      1.3825
    ],
    "SoftwareVersions": "syngo_MR_D13D",
    "StationName": "AWP66018",
    "TaskDescription": "Passively listened to audio story 'shapesphysical'",
    "TaskName": "shapesphysical",
    "TotalReadoutTime": 0.0883478,
    "dataset": "ds002345",
    "modality": "bold",
    "subject_id": "181",
    "task_id": "shapesphysical"
  },
  "dummy_trs": 1,
  "dvars_nstd": 34.60930025418832,
  "dvars_std": 1.0608358527922073,
  "dvars_vstd": 0.998033979902597,
  "efc": 0.6150273796715603,
  "fber": 229.32418823242188,
  "fd_mean": 0.12396552078331347,
  "fd_num": 20,
  "fd_perc": 6.472491909385114,
  "fwhm_avg": 2.810355,
  "fwhm_x": 2.52055,
  "fwhm_y": 3.036355,
  "fwhm_z": 2.87416,
  "gcor": 0.0093972,
  "gsr_x": -0.020044906064867973,
  "gsr_y": 0.08046051114797592,
  "provenance": {
    "md5sum": "49186406e4c3d144cbab7ac520850b87",
    "settings": {
      "fd_thres": 0.2,
      "testing": false
    },
    "software": "mriqc",
    "version": "22.0.6",
    "webapi_port": null,
    "webapi_url": "https://mriqc.nimh.nih.gov/api/v1"
  },
  "size_t": 309,
  "size_x": 96,
  "size_y": 96,
  "size_z": 60,
  "snr": 2.0360269368314015,
  "spacing_tr": 1.5,
  "spacing_x": 2.0,
  "spacing_y": 2.0,
  "spacing_z": 2.0,
  "summary_bg_k": 45.88407933473002,
  "summary_bg_mad": 10.047149069636784,
  "summary_bg_mean": 57.30266571044922,
  "summary_bg_median": 29.080907821655273,
  "summary_bg_n": 298437.0,
  "summary_bg_p05": 20.543689727783203,
  "summary_bg_p95": 196.0,
  "summary_bg_stdv": 78.0592041015625,
  "summary_fg_k": 3.446680289614865,
  "summary_fg_mad": 181.42684065698444,
  "summary_fg_mean": 498.4921569824219,
  "summary_fg_median": 459.7572937011719,
  "summary_fg_n": 163772.0,
  "summary_fg_p05": 222.13592529296875,
  "summary_fg_p95": 922.7021362304681,
  "summary_fg_stdv": 225.81031799316406,
  "tsnr": 41.43786432640627
}