{
  "aor": 0.0029656557377049186,
  "aqi": 0.010168663155737707,
  "bids_meta": {
    "CogAtlasID": "https://www.cognitiveatlas.org/task/id/trm_4c8991fadfe01",
    "DeviceSerialNumber": "66018",
    "DwellTime": 4.2e-06,
    "EchoTime": 0.039,
    "EffectiveEchoSpacing": 0.000929976,
    "FlipAngle": 50,
    "InstitutionAddress": "Washington Rd, Princeton, NJ 08540, USA",
    "InstitutionName": "Princeton University",
    "InstitutionalDepartmentName": "Princeton Neuroscience Institute",
    "MagneticFieldStrength": 3,
    "Manufacturer": "Siemens",
    "ManufacturersModelName": "Prisma",
    "NumberOfVolumesDiscardedByScanner": 3,
    "ParallelReductionType": "GRAPPA",
    "PartialFourier": 0.75,
    "PhaseEncodingDirection": "j-",
    "PixelBandwidth": 1240,
    "PulseSequenceDetails": "%CustomerSeq%_ep2d_bold_sms_mgh_v22",
    "PulseSequenceType": "Gradient Echo EPI",
    "ReceiveCoilActiveElements": "HC1-7;NC1,2",
    "ReceiveCoilName": "HeadNeck_64",
    "RepetitionTime": 1.5,
    "ScanOptions": "PFP_FS",
    "ScanningSequence": "EP",
    "SequenceName": "epfSM2d1_96",
    "SequenceVariant": "SK",
    "SliceTiming": [
      0.6925,
      0,
      0.79,
      0.1,
      0.8875,
      0.1975,
      0.9875,
      0.2975,
      1.085,
      0.395,
      1.185,
      0.495,
      1.2825,
      0.5925,
      1.3825,
      0.6925,
      0,
      0.79,
      0.1,
      0.8875,
      0.1975,
      0.9875,
      0.2975,
      1.085,
      0.395,
      1.185,
      0.495,
      1.2825,
      0.5925,
      1.3825,
      0.6925,
      0,
      0.79,
      0.1,
      0.8875,
      0.1975,
      0.9875,
      0.2975,
      1.085,
      0.395,
      1.185,
      0.495,
      1.2825,
      0.5925,
      1.3825,
      0.6925,
      0,
      0.79,
      0.1,
      0.8875,
      0.1975,
      0.9875,
      0.2975,
      1.085,
      0.395,
      1.185,
      0.495,
      1.2825,
      0.5925,
      1.3825
    ],
    "SoftwareVersions": "syngo_MR_D13D",
    "StationName": "AWP66018",
    "TaskDescription": "Passively listened to audio story 'schema'",
    "TaskName": "schema",
    "TotalReadoutTime": 0.0883478,
    "dataset": "ds002345",
    "modality": "bold",
    "run_id": 4,
    "subject_id": "181",
    "task_id": "schema"
  },
  "dummy_trs": 2,
  "dvars_nstd": 37.552205503039,
  "dvars_std": 1.1355382268377816,
  "dvars_vstd": 1.0100718307597534,
  "efc": 0.6125229129758303,
  "fber": 206.47271728515625,
  "fd_mean": 0.11266657093212505,
  "fd_num": 34,
  "fd_perc": 6.967213114754099,
  "fwhm_avg": 2.9057633333333333,
  "fwhm_x": 2.624685,
  "fwhm_y": 3.097255,
  "fwhm_z": 2.99535,
  "gcor": 0.00683278,
  "gsr_x": -0.024288877844810486,
  "gsr_y": 0.09634260833263397,
  "provenance": {
    "md5sum": "8b25380724985bd92472115db78ad6c6",
    "settings": {
      "fd_thres": 0.2,
      "testing": false
    },
    "software": "mriqc",
    "version": "22.0.6",
    "webapi_port": null,
    "webapi_url": "https://mriqc.nimh.nih.gov/api/v1"
  },
  "size_t": 488,
  "size_x": 96,
  "size_y": 96,
  "size_z": 60,
  "snr": 1.8859002990820213,
  "spacing_tr": 1.5,
  "spacing_x": 2.0,
  "spacing_y": 2.0,
  "spacing_z": 2.0,
  "summary_bg_k": 25.35119002558985,
  "summary_bg_mad": 12.094750755334465,
  "summary_bg_mean": 62.99871826171875,
  "summary_bg_median": 31.149587631225586,
  "summary_bg_n": 295739.0,
  "summary_bg_p05": 21.360654830932617,
  "summary_bg_p95": 225.398547363281,
  "summary_bg_stdv": 85.52908325195312,
  "summary_fg_k": 3.9478790923433458,
  "summary_fg_mad": 200.25154074627562,
  "summary_fg_mean": 517.0241088867188,
  "summary_fg_median": 470.5870361328125,
  "summary_fg_n": 162870.0,
  "summary_fg_p05": 220.4159698486328,
  "summary_fg_p95": 987.4321960449216,
  "summary_fg_stdv": 249.52835083007812,
  "tsnr": 33.51055018347688
}