{
  "aor": 0.00021158469945355195,
  "aqi": 0.007479877959927141,
  "bids_meta": {
    "AcquisitionMatrixPE": 96,
    "BandwidthPerPixelPhaseEncode": 20.425,
    "BaseResolution": 96,
    "BodyPartExamined": "BRAIN",
    "ConsistencyInfo": "N4_VE11C_LATEST_20160120",
    "ConversionSoftware": "dcm2niix",
    "ConversionSoftwareVersion": "v1.0.20180328 GCC6.3.0",
    "DerivedVendorReportedEchoSpacing": 0.000509996,
    "DeviceSerialNumber": "66018",
    "DwellTime": 2.1e-06,
    "EchoTime": 0.031,
    "EchoTrainLength": 96,
    "EffectiveEchoSpacing": 0.000509996,
    "FlipAngle": 67,
    "ImageOrientationPatientDICOM": [
      1,
      0,
      0,
      0,
      1,
      0
    ],
    "ImageType": [
      "ORIGINAL",
      "PRIMARY",
      "M",
      "ND",
      "NORM",
      "MOSAIC"
    ],
    "InPlanePhaseEncodingDirectionDICOM": "COL",
    "InstitutionAddress": "Washington Rd, Princeton, NJ 08540, USA",
    "InstitutionName": "Princeton University",
    "InstitutionalDepartmentName": "Princeton Neuroscience Institute",
    "MRAcquisitionType": "2D",
    "MagneticFieldStrength": 3,
    "Manufacturer": "Siemens",
    "ManufacturersModelName": "Prisma",
    "Modality": "MR",
    "MultibandAccelerationFactor": 3,
    "NumberOfVolumesDiscardedByScanner": 3,
    "PartialFourier": 1,
    "PatientPosition": "HFS",
    "PercentPhaseFOV": 100,
    "PhaseEncodingDirection": "j-",
    "PhaseEncodingSteps": 96,
    "PhaseResolution": 1,
    "PixelBandwidth": 2480,
    "ProcedureStepDescription": "Hasson_Nastase_042518_Storyteller",
    "ProtocolName": "func_task-black",
    "PulseSequenceDetails": "%SiemensSeq%_ep2d_bold",
    "ReceiveCoilActiveElements": "HC1-7;NC1",
    "ReceiveCoilName": "HeadNeck_64",
    "ReconMatrixPE": 96,
    "RepetitionTime": 1.5,
    "SAR": 0.0399128,
    "ScanOptions": "FS",
    "ScanningSequence": "EP",
    "SequenceName": "_epfid2d1_96",
    "SequenceVariant": "SK",
    "SeriesDescription": "func_task-black",
    "SeriesNumber": 11,
    "ShimSetting": [
      757,
      528,
      2097,
      569,
      -64,
      174,
      218,
      76
    ],
    "SliceThickness": 2.5,
    "SliceTiming": [
      1.11,
      0,
      0.74,
      0.0925,
      0.8325,
      0.185,
      0.925,
      0.2775,
      1.0175,
      0.4625,
      1.2025,
      0.555,
      1.295,
      0.6475,
      1.3875,
      0.37,
      1.11,
      0,
      0.74,
      0.0925,
      0.8325,
      0.185,
      0.925,
      0.2775,
      1.0175,
      0.4625,
      1.2025,
      0.555,
      1.295,
      0.6475,
      1.3875,
      0.37,
      1.11,
      0,
      0.74,
      0.0925,
      0.8325,
      0.185,
      0.925,
      0.2775,
      1.0175,
      0.4625,
      1.2025,
      0.555,
      1.295,
      0.6475,
      1.3875,
      0.37
    ],
    "SoftwareVersions": "syngo_MR_E11",
    "SpacingBetweenSlices": 2.5,
    "StationName": "AWP66018",
    "TaskDescription": "Passively listened to audio story 'black'",
    "TaskName": "black",
    "TotalReadoutTime": 0.0484496,
    "TxRefAmp": 231.976,
    "dataset": "ds002345",
    "modality": "bold",
    "subject_id": "290",
    "task_id": "black"
  },
  "dummy_trs": 1,
  "dvars_nstd": 27.914402477828443,
  "dvars_std": 1.2115606551642337,
  "dvars_vstd": 0.9889147809854016,
  "efc": 0.46343384915327984,
  "fber": 4434.638671875,
  "fd_mean": 0.2140467363786948,
  "fd_num": 315,
  "fd_perc": 57.377049180327866,
  "fwhm_avg": 1.9743306666666667,
  "fwhm_x": 1.8641960000000002,
  "fwhm_y": 2.13292,
  "fwhm_z": 1.925876,
  "gcor": 0.00543418,
  "gsr_x": -0.02198788896203041,
  "gsr_y": 0.037823986262083054,
  "provenance": {
    "md5sum": "bdd83a0adefa79c5ebd55373ce25ed2e",
    "settings": {
      "fd_thres": 0.2,
      "testing": false
    },
    "software": "mriqc",
    "version": "22.0.0rc1",
    "webapi_port": null,
    "webapi_url": "https://mriqc.nimh.nih.gov/api/v1"
  },
  "size_t": 549,
  "size_x": 96,
  "size_y": 96,
  "size_z": 48,
  "snr": 6.241095524694823,
  "spacing_tr": 1.5,
  "spacing_x": 2.5,
  "spacing_y": 2.5,
  "spacing_z": 2.5,
  "summary_bg_k": 28.612436451965802,
  "summary_bg_mad": 6.343592959777773,
  "summary_bg_mean": 27.65304183959961,
  "summary_bg_median": 10.723133087158203,
  "summary_bg_n": 309908.0,
  "summary_bg_p05": 5.185792446136475,
  "summary_bg_p95": 110.28624649047782,
  "summary_bg_stdv": 52.27633285522461,
  "summary_fg_k": 3.072848277564483,
  "summary_fg_mad": 102.8706861275517,
  "summary_fg_mean": 722.8822631835938,
  "summary_fg_median": 722.0054321289062,
  "summary_fg_n": 70494.0,
  "summary_fg_p05": 561.4267578125,
  "summary_fg_p95": 904.292153930664,
  "summary_fg_stdv": 115.68486785888672,
  "tsnr": 67.49469590792432
}