{
  "aor": 0.0006431632653061225,
  "aqi": 0.007049979965986395,
  "bids_meta": {
    "AcquisitionMatrixPE": 96,
    "BandwidthPerPixelPhaseEncode": 20.425,
    "BaseResolution": 96,
    "BodyPartExamined": "BRAIN",
    "ConsistencyInfo": "N4_VE11C_LATEST_20160120",
    "ConversionSoftware": "dcm2niix",
    "ConversionSoftwareVersion": "v1.0.20180328 GCC6.3.0",
    "DerivedVendorReportedEchoSpacing": 0.000509996,
    "DeviceSerialNumber": "66018",
    "DwellTime": 2.1e-06,
    "EchoTime": 0.031,
    "EchoTrainLength": 96,
    "EffectiveEchoSpacing": 0.000509996,
    "FlipAngle": 67,
    "ImageOrientationPatientDICOM": [
      1,
      0,
      0,
      0,
      1,
      0
    ],
    "ImageType": [
      "ORIGINAL",
      "PRIMARY",
      "M",
      "ND",
      "NORM",
      "MOSAIC"
    ],
    "InPlanePhaseEncodingDirectionDICOM": "COL",
    "InstitutionAddress": "Washington Rd, Princeton, NJ 08540, USA",
    "InstitutionName": "Princeton University",
    "InstitutionalDepartmentName": "Princeton Neuroscience Institute",
    "MRAcquisitionType": "2D",
    "MagneticFieldStrength": 3,
    "Manufacturer": "Siemens",
    "ManufacturersModelName": "Prisma",
    "Modality": "MR",
    "MultibandAccelerationFactor": 3,
    "NumberOfVolumesDiscardedByScanner": 3,
    "PartialFourier": 1,
    "PatientPosition": "HFS",
    "PercentPhaseFOV": 100,
    "PhaseEncodingDirection": "j-",
    "PhaseEncodingSteps": 96,
    "PhaseResolution": 1,
    "PixelBandwidth": 2480,
    "ProcedureStepDescription": "Hasson_Nastase_042518_Storyteller",
    "ProtocolName": "func_task-pieman",
    "PulseSequenceDetails": "%SiemensSeq%_ep2d_bold",
    "ReceiveCoilActiveElements": "HC1-7;NC1",
    "ReceiveCoilName": "HeadNeck_64",
    "ReconMatrixPE": 96,
    "RepetitionTime": 1.5,
    "SAR": 0.0398675,
    "ScanOptions": "FS",
    "ScanningSequence": "EP",
    "SequenceName": "_epfid2d1_96",
    "SequenceVariant": "SK",
    "SeriesDescription": "func_task-pieman",
    "SeriesNumber": 8,
    "ShimSetting": [
      757,
      528,
      2097,
      569,
      -64,
      174,
      218,
      76
    ],
    "SliceThickness": 2.5,
    "SliceTiming": [
      1.11,
      0,
      0.74,
      0.0925,
      0.8325,
      0.185,
      0.925,
      0.2775,
      1.0175,
      0.4625,
      1.2025,
      0.555,
      1.295,
      0.6475,
      1.3875,
      0.37,
      1.11,
      0,
      0.74,
      0.0925,
      0.8325,
      0.185,
      0.925,
      0.2775,
      1.0175,
      0.4625,
      1.2025,
      0.555,
      1.295,
      0.6475,
      1.3875,
      0.37,
      1.11,
      0,
      0.74,
      0.0925,
      0.8325,
      0.185,
      0.925,
      0.2775,
      1.0175,
      0.4625,
      1.2025,
      0.555,
      1.295,
      0.6475,
      1.3875,
      0.37
    ],
    "SoftwareVersions": "syngo_MR_E11",
    "SpacingBetweenSlices": 2.5,
    "StationName": "AWP66018",
    "TaskDescription": "Passively listened to audio story 'piemanpni'",
    "TaskName": "piemanpni",
    "TotalReadoutTime": 0.0484496,
    "TxRefAmp": 231.976,
    "dataset": "ds002345",
    "modality": "bold",
    "subject_id": "290",
    "task_id": "piemanpni"
  },
  "dummy_trs": 0,
  "dvars_nstd": 26.070890999453926,
  "dvars_std": 1.2165084878157006,
  "dvars_vstd": 1.0086046917064844,
  "efc": 0.46262643124688335,
  "fber": 4504.115234375,
  "fd_mean": 0.19529074940413077,
  "fd_num": 158,
  "fd_perc": 53.74149659863946,
  "fwhm_avg": 1.9580826666666666,
  "fwhm_x": 1.8557960000000002,
  "fwhm_y": 2.113132,
  "fwhm_z": 1.9053200000000001,
  "gcor": 0.00860591,
  "gsr_x": -0.021904781460762024,
  "gsr_y": 0.03871629014611244,
  "provenance": {
    "md5sum": "1b4d1b43121b2144e3f62ca84fe42000",
    "settings": {
      "fd_thres": 0.2,
      "testing": false
    },
    "software": "mriqc",
    "version": "22.0.0rc1",
    "webapi_port": null,
    "webapi_url": "https://mriqc.nimh.nih.gov/api/v1"
  },
  "size_t": 294,
  "size_x": 96,
  "size_y": 96,
  "size_z": 48,
  "snr": 6.309522273853656,
  "spacing_tr": 1.5,
  "spacing_x": 2.5,
  "spacing_y": 2.5,
  "spacing_z": 2.5,
  "summary_bg_k": 30.478400202772967,
  "summary_bg_mad": 6.364094794807691,
  "summary_bg_mean": 27.375364303588867,
  "summary_bg_median": 10.710884094238281,
  "summary_bg_n": 309793.0,
  "summary_bg_p05": 5.173469066619873,
  "summary_bg_p95": 108.11020202636706,
  "summary_bg_stdv": 51.875553131103516,
  "summary_fg_k": 3.2237363166567663,
  "summary_fg_mad": 101.9213917810409,
  "summary_fg_mean": 727.8191528320312,
  "summary_fg_median": 726.8401489257812,
  "summary_fg_n": 70525.0,
  "summary_fg_p05": 567.4163330078125,
  "summary_fg_p95": 908.2877441406251,
  "summary_fg_stdv": 115.19651794433594,
  "tsnr": 70.17284099431708
}