{
  "aor": 0.0004709333333333334,
  "aqi": 0.004853511666666666,
  "bids_meta": {
    "CogAtlasID": "https://www.cognitiveatlas.org/task/id/trm_4c8991fadfe01",
    "DeviceSerialNumber": "45031",
    "DwellTime": 5.4e-06,
    "EchoTime": 0.028,
    "EffectiveEchoSpacing": 0.000390001,
    "FlipAngle": 64,
    "InstitutionAddress": "Washington Rd, Princeton, NJ 08540, USA",
    "InstitutionName": "Princeton University",
    "InstitutionalDepartmentName": "Princeton Neuroscience Institute",
    "MagneticFieldStrength": 3,
    "Manufacturer": "Siemens",
    "ManufacturersModelName": "Skyra",
    "NumberOfVolumesDiscardedByScanner": 3,
    "ParallelReductionFactorInPlane": 2,
    "ParallelReductionType": "GRAPPA",
    "PartialFourier": 1,
    "PhaseEncodingDirection": "j-",
    "PixelBandwidth": 1445,
    "PulseSequenceDetails": "%SiemensSeq%_ep2d_bold",
    "PulseSequenceType": "Gradient Echo EPI",
    "ReceiveCoilActiveElements": "HE1-4",
    "ReceiveCoilName": "HeadNeck_20",
    "RepetitionTime": 1.5,
    "ScanOptions": "FS",
    "ScanningSequence": "EP",
    "SequenceName": "_epfid2d1_64",
    "SequenceVariant": "SK",
    "SliceTiming": [
      0,
      0.7775,
      0.055,
      0.8325,
      0.11,
      0.89,
      0.1675,
      0.945,
      0.2225,
      1,
      0.2775,
      1.055,
      0.3325,
      1.11,
      0.39,
      1.1675,
      0.445,
      1.2225,
      0.5,
      1.2775,
      0.555,
      1.3325,
      0.61,
      1.3875,
      0.6675,
      1.445,
      0.7225
    ],
    "SoftwareVersions": "syngo_MR_D11",
    "StationName": "AWP45031",
    "TaskDescription": "Passively listened to audio story 'pieman'",
    "TaskName": "pieman",
    "TotalReadoutTime": 0.0245701,
    "dataset": "ds002345",
    "modality": "bold",
    "subject_id": "044",
    "task_id": "pieman"
  },
  "dummy_trs": 0,
  "dvars_nstd": 25.5023667708027,
  "dvars_std": 1.3431553381605355,
  "dvars_vstd": 0.9968793746153847,
  "efc": 0.6297479126012482,
  "fber": 1353.515869140625,
  "fd_mean": 0.15756799410633796,
  "fd_num": 88,
  "fd_perc": 29.333333333333332,
  "fwhm_avg": 1.7441250000000001,
  "fwhm_x": 1.7154933333333335,
  "fwhm_y": 1.9194166666666668,
  "fwhm_z": 1.597465,
  "gcor": 0.0496919,
  "gsr_x": 0.012002388946712017,
  "gsr_y": 0.021015234291553497,
  "provenance": {
    "md5sum": "ec55227a014d94b6d75cfd87fdc7e9e3",
    "settings": {
      "fd_thres": 0.2,
      "testing": false
    },
    "software": "mriqc",
    "version": "21.0.0rc2",
    "webapi_port": null,
    "webapi_url": "https://mriqc.nimh.nih.gov/api/v1"
  },
  "size_t": 300,
  "size_x": 64,
  "size_y": 64,
  "size_z": 27,
  "snr": 6.634529608655438,
  "spacing_tr": 1.5,
  "spacing_x": 3.0,
  "spacing_y": 3.0,
  "spacing_z": 4.0,
  "summary_bg_k": 13.330891097708335,
  "summary_bg_mad": 13.585579158405865,
  "summary_bg_mean": 49.57054138183594,
  "summary_bg_median": 17.64666748046875,
  "summary_bg_n": 50343.0,
  "summary_bg_p05": 6.75,
  "summary_bg_p95": 205.65833740234365,
  "summary_bg_stdv": 78.677001953125,
  "summary_fg_k": 1.6812389511712293,
  "summary_fg_mad": 100.86387036828664,
  "summary_fg_mean": 710.7881469726562,
  "summary_fg_median": 703.0433349609375,
  "summary_fg_n": 30890.0,
  "summary_fg_p05": 559.8448333740234,
  "summary_fg_p95": 886.2136901855469,
  "summary_fg_stdv": 105.96560668945312,
  "tsnr": 78.8840757724829
}