{
  "aor": 0.0006913961038961038,
  "aqi": 0.007233886590909091,
  "bids_meta": {
    "CogAtlasID": "https://www.cognitiveatlas.org/task/id/trm_4c8991fadfe01",
    "DeviceSerialNumber": "66018",
    "DwellTime": 4.2e-06,
    "EchoTime": 0.039,
    "EffectiveEchoSpacing": 0.000929976,
    "FlipAngle": 50,
    "InstitutionAddress": "Washington Rd, Princeton, NJ 08540, USA",
    "InstitutionName": "Princeton University",
    "InstitutionalDepartmentName": "Princeton Neuroscience Institute",
    "MagneticFieldStrength": 3,
    "Manufacturer": "Siemens",
    "ManufacturersModelName": "Prisma",
    "NumberOfVolumesDiscardedByScanner": 3,
    "ParallelReductionType": "GRAPPA",
    "PartialFourier": 0.75,
    "PhaseEncodingDirection": "j-",
    "PixelBandwidth": 1240,
    "PulseSequenceDetails": "%CustomerSeq%_ep2d_bold_sms_mgh_v22",
    "PulseSequenceType": "Gradient Echo EPI",
    "ReceiveCoilActiveElements": "HC1-7;NC1,2",
    "ReceiveCoilName": "HeadNeck_64",
    "RepetitionTime": 1.5,
    "ScanOptions": "PFP_FS",
    "ScanningSequence": "EP",
    "SequenceName": "epfSM2d1_96",
    "SequenceVariant": "SK",
    "SliceTiming": [
      0.6925,
      0,
      0.79,
      0.1,
      0.8875,
      0.1975,
      0.9875,
      0.2975,
      1.085,
      0.395,
      1.185,
      0.495,
      1.2825,
      0.5925,
      1.3825,
      0.6925,
      0,
      0.79,
      0.1,
      0.8875,
      0.1975,
      0.9875,
      0.2975,
      1.085,
      0.395,
      1.185,
      0.495,
      1.2825,
      0.5925,
      1.3825,
      0.6925,
      0,
      0.79,
      0.1,
      0.8875,
      0.1975,
      0.9875,
      0.2975,
      1.085,
      0.395,
      1.185,
      0.495,
      1.2825,
      0.5925,
      1.3825,
      0.6925,
      0,
      0.79,
      0.1,
      0.8875,
      0.1975,
      0.9875,
      0.2975,
      1.085,
      0.395,
      1.185,
      0.495,
      1.2825,
      0.5925,
      1.3825
    ],
    "SoftwareVersions": "syngo_MR_D13D",
    "StationName": "AWP66018",
    "TaskDescription": "Passively listened to audio story 'shapesphysical'",
    "TaskName": "shapesphysical",
    "TotalReadoutTime": 0.0883478,
    "dataset": "ds002345",
    "modality": "bold",
    "subject_id": "214",
    "task_id": "shapesphysical"
  },
  "dummy_trs": 2,
  "dvars_nstd": 46.3386370570684,
  "dvars_std": 1.1664833193159603,
  "dvars_vstd": 0.9538560390228005,
  "efc": 0.5712217077061263,
  "fber": 342.6320495605469,
  "fd_mean": 0.20772870910880945,
  "fd_num": 167,
  "fd_perc": 54.22077922077922,
  "fwhm_avg": 3.12414,
  "fwhm_x": 3.086395,
  "fwhm_y": 3.143025,
  "fwhm_z": 3.143,
  "gcor": 0.00656747,
  "gsr_x": -0.016955051571130753,
  "gsr_y": 0.06347483396530151,
  "provenance": {
    "md5sum": "ef5f2bacecb8bb4ea54f4e618d6ddd5d",
    "settings": {
      "fd_thres": 0.2,
      "testing": false
    },
    "software": "mriqc",
    "version": "22.0.0rc1",
    "webapi_port": null,
    "webapi_url": "https://mriqc.nimh.nih.gov/api/v1"
  },
  "size_t": 308,
  "size_x": 96,
  "size_y": 96,
  "size_z": 60,
  "snr": 1.5302666949917674,
  "spacing_tr": 1.5,
  "spacing_x": 2.0,
  "spacing_y": 2.0,
  "spacing_z": 2.0,
  "summary_bg_k": 27.655666442802094,
  "summary_bg_mad": 9.85834272212747,
  "summary_bg_mean": 45.16634750366211,
  "summary_bg_median": 27.850648880004883,
  "summary_bg_n": 286016.0,
  "summary_bg_p05": 19.727272033691406,
  "summary_bg_p95": 128.20454025268555,
  "summary_bg_stdv": 46.4118766784668,
  "summary_fg_k": 7.027597475250971,
  "summary_fg_mad": 228.23889266874463,
  "summary_fg_mean": 628.1764526367188,
  "summary_fg_median": 535.0519409179688,
  "summary_fg_n": 174596.0,
  "summary_fg_p05": 286.3271026611328,
  "summary_fg_p95": 1327.217529296875,
  "summary_fg_stdv": 349.64520263671875,
  "tsnr": 36.98548157745972
}