{
  "aor": 0.0005483,
  "aqi": 0.0048561869333333335,
  "bids_meta": {
    "CogAtlasID": "https://www.cognitiveatlas.org/task/id/trm_4c8991fadfe01",
    "DeviceSerialNumber": "45031",
    "DwellTime": 5.4e-06,
    "EchoTime": 0.028,
    "EffectiveEchoSpacing": 0.000390001,
    "FlipAngle": 64,
    "InstitutionAddress": "Washington Rd, Princeton, NJ 08540, USA",
    "InstitutionName": "Princeton University",
    "InstitutionalDepartmentName": "Princeton Neuroscience Institute",
    "MagneticFieldStrength": 3,
    "Manufacturer": "Siemens",
    "ManufacturersModelName": "Skyra",
    "NumberOfVolumesDiscardedByScanner": 3,
    "ParallelReductionFactorInPlane": 2,
    "ParallelReductionType": "GRAPPA",
    "PartialFourier": 1,
    "PhaseEncodingDirection": "j-",
    "PixelBandwidth": 1445,
    "PulseSequenceDetails": "%SiemensSeq%_ep2d_bold",
    "PulseSequenceType": "Gradient Echo EPI",
    "ReceiveCoilActiveElements": "HE1-4",
    "ReceiveCoilName": "HeadNeck_20",
    "RepetitionTime": 1.5,
    "ScanOptions": "FS",
    "ScanningSequence": "EP",
    "SequenceName": "_epfid2d1_64",
    "SequenceVariant": "SK",
    "SliceTiming": [
      0,
      0.7775,
      0.055,
      0.8325,
      0.11,
      0.89,
      0.1675,
      0.945,
      0.2225,
      1,
      0.2775,
      1.055,
      0.3325,
      1.11,
      0.39,
      1.1675,
      0.445,
      1.2225,
      0.5,
      1.2775,
      0.555,
      1.3325,
      0.61,
      1.3875,
      0.6675,
      1.445,
      0.7225
    ],
    "SoftwareVersions": "syngo_MR_D11",
    "StationName": "AWP45031",
    "TaskDescription": "Passively listened to audio story 'pieman'",
    "TaskName": "pieman",
    "TotalReadoutTime": 0.0245701,
    "dataset": "ds002345",
    "modality": "bold",
    "subject_id": "068",
    "task_id": "pieman"
  },
  "dummy_trs": 0,
  "dvars_nstd": 17.578568347157184,
  "dvars_std": 1.1246060994983278,
  "dvars_vstd": 0.9890551286622074,
  "efc": 0.5522538571134028,
  "fber": 2835.071044921875,
  "fd_mean": 0.09435304359177268,
  "fd_num": 1,
  "fd_perc": 0.3333333333333333,
  "fwhm_avg": 1.6884944444444445,
  "fwhm_x": 1.6505333333333334,
  "fwhm_y": 1.83437,
  "fwhm_z": 1.58058,
  "gcor": 0.0134101,
  "gsr_x": -0.0020226880442351103,
  "gsr_y": 0.018638363108038902,
  "provenance": {
    "md5sum": "da3ea022453670819c44ed4b00571887",
    "settings": {
      "fd_thres": 0.2,
      "testing": false
    },
    "software": "mriqc",
    "version": "21.0.0rc2",
    "webapi_port": null,
    "webapi_url": "https://mriqc.nimh.nih.gov/api/v1"
  },
  "size_t": 300,
  "size_x": 64,
  "size_y": 64,
  "size_z": 27,
  "snr": 7.110237706976994,
  "spacing_tr": 1.5,
  "spacing_x": 3.0,
  "spacing_y": 3.0,
  "spacing_z": 4.0,
  "summary_bg_k": 33.358904312536865,
  "summary_bg_mad": 7.274635017433321,
  "summary_bg_mean": 29.396724700927734,
  "summary_bg_median": 12.673333168029785,
  "summary_bg_n": 58733.0,
  "summary_bg_p05": 5.670000076293945,
  "summary_bg_p95": 100.98333740234375,
  "summary_bg_stdv": 54.18927001953125,
  "summary_fg_k": 2.1108325767456826,
  "summary_fg_mad": 90.7895683855523,
  "summary_fg_mean": 701.0648803710938,
  "summary_fg_median": 690.71337890625,
  "summary_fg_n": 24593.0,
  "summary_fg_p05": 567.5553344726562,
  "summary_fg_p95": 865.1053710937499,
  "summary_fg_stdv": 97.14152526855469,
  "tsnr": 84.39815594279207
}