{
  "bids_meta": {
    "DeviceSerialNumber": "45031",
    "DwellTime": 8.2e-06,
    "EchoTime": 0.00308,
    "FlipAngle": 9,
    "InstitutionAddress": "Washington Rd, Princeton, NJ 08540, USA",
    "InstitutionName": "Princeton University",
    "InstitutionalDepartmentName": "Princeton Neuroscience Institute",
    "InversionTime": 0.9,
    "MagneticFieldStrength": 3,
    "Manufacturer": "Siemens",
    "ManufacturersModelName": "Skyra",
    "ParallelReductionFactorInPlane": 2,
    "ParallelReductionType": "GRAPPA",
    "PartialFourier": 1,
    "PixelBandwidth": 240,
    "PulseSequenceDetails": "%SiemensSeq%_tfl",
    "PulseSequenceType": "MPRAGE",
    "ReceiveCoilActiveElements": "HE1-4",
    "ReceiveCoilName": "HeadNeck_20",
    "RepetitionTime": 2.3,
    "ScanOptions": "IR",
    "ScanningSequence": "GR_IR",
    "SequenceName": "_tfl3d1_16ns",
    "SequenceVariant": "SK_SP_MP",
    "SoftwareVersions": "syngo_MR_D11",
    "StationName": "AWP45031",
    "dataset": "ds002345",
    "modality": "T1w",
    "subject_id": "144"
  },
  "cjv": 0.4580237826197274,
  "cnr": 2.8857195032161242,
  "efc": 0.6806544678034043,
  "fber": 773.8948424494649,
  "fwhm_avg": 3.302440319260045,
  "fwhm_x": 3.3502998668710444,
  "fwhm_y": 3.460363636363636,
  "fwhm_z": 3.0966574545454546,
  "icvs_csf": 0.1685535786206613,
  "icvs_gm": 0.43497511521807486,
  "icvs_wm": 0.39647130616126386,
  "inu_med": 1.3840351104736328,
  "inu_range": 0.555135190486908,
  "provenance": {
    "md5sum": "167fd69fcdb9b53fb9e2c66d9dff91f0",
    "settings": {
      "testing": false
    },
    "software": "mriqc",
    "version": "22.0.0rc1",
    "warnings": {
      "large_rot_frame": true,
      "small_air_mask": false
    },
    "webapi_port": null,
    "webapi_url": "https://mriqc.nimh.nih.gov/api/v1"
  },
  "qi_1": 0.0,
  "qi_2": 0.0024822686275089477,
  "rpve_csf": 18.351764433645727,
  "rpve_gm": 8.102073198246357,
  "rpve_wm": 10.534243367886209,
  "size_x": 192,
  "size_y": 251,
  "size_z": 233,
  "snr_csf": 2.81404660686616,
  "snr_gm": 9.680827165022812,
  "snr_total": 9.607437327509658,
  "snr_wm": 16.32743821064,
  "snrd_csf": 19.850733741643865,
  "snrd_gm": 36.46099382454906,
  "snrd_total": 35.68801370548707,
  "snrd_wm": 50.75231355026831,
  "spacing_x": 0.9000000357627869,
  "spacing_y": 0.859375,
  "spacing_z": 0.859375,
  "summary_bg_k": 458.8058380371281,
  "summary_bg_mad": 12.909463766185656,
  "summary_bg_mean": 22.228797342003297,
  "summary_bg_median": 20.39145702123642,
  "summary_bg_n": 1935177.0,
  "summary_bg_p05": 2.9024336636066437,
  "summary_bg_p95": 48.22505164146423,
  "summary_bg_stdv": 16.245675374978852,
  "summary_csf_k": 5.158181495727682,
  "summary_csf_mad": 151.82412087411507,
  "summary_csf_mean": 399.32705675055576,
  "summary_csf_median": 391.15875220298767,
  "summary_csf_n": 17988.0,
  "summary_csf_p05": 198.25854563713074,
  "summary_csf_p95": 614.8173134654758,
  "summary_csf_stdv": 138.99836567314827,
  "summary_gm_k": 0.41843000305968836,
  "summary_gm_mad": 69.9538463911257,
  "summary_gm_mean": 720.1059057567123,
  "summary_gm_median": 718.4639638066292,
  "summary_gm_n": 34298.0,
  "summary_gm_p05": 599.9107118546963,
  "summary_gm_p95": 845.8101013317703,
  "summary_gm_stdv": 74.2140601868959,
  "summary_wm_k": 0.2926132840557285,
  "summary_wm_mad": 59.03045397358398,
  "summary_wm_mean": 1000.2106010476793,
  "summary_wm_median": 1000.0744505524635,
  "summary_wm_n": 378731.0,
  "summary_wm_p05": 899.8288570940495,
  "summary_wm_p95": 1101.0642577707767,
  "summary_wm_stdv": 61.251074256300065,
  "tpm_overlap_csf": 0.17267654836177826,
  "tpm_overlap_gm": 0.44160711765289307,
  "tpm_overlap_wm": 0.47911784052848816,
  "wm2max": 0.3837783806939883
}