{
  "bids_meta": {
    "DeviceSerialNumber": "45031",
    "DwellTime": 8.2e-06,
    "EchoTime": 0.00308,
    "FlipAngle": 9,
    "InstitutionAddress": "Washington Rd, Princeton, NJ 08540, USA",
    "InstitutionName": "Princeton University",
    "InstitutionalDepartmentName": "Princeton Neuroscience Institute",
    "InversionTime": 0.9,
    "MagneticFieldStrength": 3,
    "Manufacturer": "Siemens",
    "ManufacturersModelName": "Skyra",
    "ParallelReductionFactorInPlane": 2,
    "ParallelReductionType": "GRAPPA",
    "PartialFourier": 1,
    "PixelBandwidth": 240,
    "PulseSequenceDetails": "%SiemensSeq%_tfl",
    "PulseSequenceType": "MPRAGE",
    "ReceiveCoilActiveElements": "HE1-4",
    "ReceiveCoilName": "HeadNeck_20",
    "RepetitionTime": 2.3,
    "ScanOptions": "IR",
    "ScanningSequence": "GR_IR",
    "SequenceName": "_tfl3d1_16ns",
    "SequenceVariant": "SK_SP_MP",
    "SoftwareVersions": "syngo_MR_E11",
    "StationName": "AWP45031",
    "dataset": "ds002345",
    "modality": "T1w",
    "run_id": 2,
    "subject_id": "131"
  },
  "cjv": 0.4776958147224456,
  "cnr": 2.7545447366788802,
  "efc": 0.6804393118306168,
  "fber": 656.4982716049383,
  "fwhm_avg": 3.2626858951050415,
  "fwhm_x": 3.3436998671333047,
  "fwhm_y": 3.4065803636363636,
  "fwhm_z": 3.037777454545455,
  "icvs_csf": 0.1691346323169009,
  "icvs_gm": 0.447509958479138,
  "icvs_wm": 0.3833554092039611,
  "inu_med": 1.300663709640503,
  "inu_range": 0.4751716315746306,
  "provenance": {
    "md5sum": "658f884da3123b3564ff277af2638a81",
    "settings": {
      "testing": false
    },
    "software": "mriqc",
    "version": "22.0.0rc1",
    "warnings": {
      "large_rot_frame": true,
      "small_air_mask": false
    },
    "webapi_port": null,
    "webapi_url": "https://mriqc.nimh.nih.gov/api/v1"
  },
  "qi_1": 0.0,
  "qi_2": 0.004088521884589268,
  "rpve_csf": 19.12618274710884,
  "rpve_gm": 8.398504049261701,
  "rpve_wm": 11.51463866047825,
  "size_x": 192,
  "size_y": 256,
  "size_z": 256,
  "snr_csf": 2.3599948758479528,
  "snr_gm": 9.12663851229527,
  "snr_total": 9.234540157287716,
  "snr_wm": 16.21698708371993,
  "snrd_csf": 16.983668266748904,
  "snrd_gm": 36.28049678159348,
  "snrd_total": 34.5270547109163,
  "snrd_wm": 50.31699908440653,
  "spacing_x": 0.9000000357627869,
  "spacing_y": 0.859375,
  "spacing_z": 0.859375,
  "summary_bg_k": 1.8729327223508152,
  "summary_bg_mad": 13.020179684505756,
  "summary_bg_mean": 23.102454673875446,
  "summary_bg_median": 19.778541177511215,
  "summary_bg_n": 2199451.0,
  "summary_bg_p05": 5.42191669344902,
  "summary_bg_p95": 50.17182067036629,
  "summary_bg_stdv": 14.573470443989825,
  "summary_csf_k": -0.4575906628116435,
  "summary_csf_mad": 164.960015654999,
  "summary_csf_mean": 362.65047764184766,
  "summary_csf_median": 337.53340542316437,
  "summary_csf_n": 9126.0,
  "summary_csf_p05": 168.91943275928497,
  "summary_csf_p95": 596.1244674399495,
  "summary_csf_stdv": 143.01510372592307,
  "summary_gm_k": 0.2823540096050521,
  "summary_gm_mad": 74.15841472479366,
  "summary_gm_mean": 723.7402095825365,
  "summary_gm_median": 721.0385552048683,
  "summary_gm_n": 47519.0,
  "summary_gm_p05": 597.0981214940548,
  "summary_gm_p95": 860.4887252599,
  "summary_gm_stdv": 79.00290642045266,
  "summary_wm_k": 0.3400330590206515,
  "summary_wm_mad": 59.1002938722783,
  "summary_wm_mean": 999.3422091120469,
  "summary_wm_median": 999.999987334013,
  "summary_wm_n": 388272.0,
  "summary_wm_p05": 896.678110063076,
  "summary_wm_p95": 1099.1981533169746,
  "summary_wm_stdv": 61.66365517920729,
  "tpm_overlap_csf": 0.170138880610466,
  "tpm_overlap_gm": 0.4524129629135132,
  "tpm_overlap_wm": 0.5000818371772766,
  "wm2max": 0.4848824698768709
}