{
  "bids_meta": {
    "DeviceSerialNumber": "45031",
    "DwellTime": 8.2e-06,
    "EchoTime": 0.00308,
    "FlipAngle": 9,
    "InstitutionAddress": "Washington Rd, Princeton, NJ 08540, USA",
    "InstitutionName": "Princeton University",
    "InstitutionalDepartmentName": "Princeton Neuroscience Institute",
    "InversionTime": 0.9,
    "MagneticFieldStrength": 3,
    "Manufacturer": "Siemens",
    "ManufacturersModelName": "Skyra",
    "ParallelReductionFactorInPlane": 2,
    "ParallelReductionType": "GRAPPA",
    "PartialFourier": 1,
    "PixelBandwidth": 240,
    "PulseSequenceDetails": "%SiemensSeq%_tfl",
    "PulseSequenceType": "MPRAGE",
    "ReceiveCoilActiveElements": "HE1-4",
    "ReceiveCoilName": "HeadNeck_20",
    "RepetitionTime": 2.3,
    "ScanOptions": "IR",
    "ScanningSequence": "GR_IR",
    "SequenceName": "_tfl3d1_16ns",
    "SequenceVariant": "SK_SP_MP",
    "SoftwareVersions": "syngo_MR_E11",
    "StationName": "AWP45031",
    "dataset": "ds002345",
    "modality": "T1w",
    "subject_id": "117"
  },
  "cjv": 0.5233297850987623,
  "cnr": 2.5626051250065456,
  "efc": 0.7079136813976765,
  "fber": 646.4683854524066,
  "fwhm_avg": 3.2232510819080873,
  "fwhm_x": 3.221555427542444,
  "fwhm_y": 3.370810181818182,
  "fwhm_z": 3.0773876363636363,
  "icvs_csf": 0.16515801330536184,
  "icvs_gm": 0.44457577931132963,
  "icvs_wm": 0.3902662073833085,
  "inu_med": 1.2804237604141235,
  "inu_range": 0.5630704402923583,
  "provenance": {
    "md5sum": "819f99b324a6de48ba2d129838e9ba94",
    "settings": {
      "testing": false
    },
    "software": "mriqc",
    "version": "22.0.0rc1",
    "warnings": {
      "large_rot_frame": true,
      "small_air_mask": false
    },
    "webapi_port": null,
    "webapi_url": "https://mriqc.nimh.nih.gov/api/v1"
  },
  "qi_1": 0.0027605140891811984,
  "qi_2": 0.0016003804510003473,
  "rpve_csf": 19.04591731333371,
  "rpve_gm": 8.067857744463605,
  "rpve_wm": 10.69533688821046,
  "size_x": 192,
  "size_y": 256,
  "size_z": 256,
  "snr_csf": 1.4545108176158186,
  "snr_gm": 8.886008162497456,
  "snr_total": 7.955622117486762,
  "snr_wm": 13.52634737234701,
  "snrd_csf": 15.456786022633972,
  "snrd_gm": 34.20263762391272,
  "snrd_total": 32.4882539497253,
  "snrd_wm": 47.80533820262921,
  "spacing_x": 0.9000000357627869,
  "spacing_y": 0.859375,
  "spacing_z": 0.859375,
  "summary_bg_k": 545.9775214190402,
  "summary_bg_mad": 13.704251169498487,
  "summary_bg_mean": 23.666025745563708,
  "summary_bg_median": 21.059652633965015,
  "summary_bg_n": 1888587.0,
  "summary_bg_p05": 5.2410900220274925,
  "summary_bg_p95": 52.79207040369511,
  "summary_bg_stdv": 19.521275631928106,
  "summary_csf_k": 51.88226756561209,
  "summary_csf_mad": 106.38454773847795,
  "summary_csf_mean": 360.69953309013533,
  "summary_csf_median": 323.32760808616877,
  "summary_csf_n": 14056.0,
  "summary_csf_p05": 181.41318417154253,
  "summary_csf_p95": 576.9487188793719,
  "summary_csf_stdv": 222.28511645078498,
  "summary_gm_k": 0.30741392715769367,
  "summary_gm_mad": 77.28067412078013,
  "summary_gm_mean": 717.6113858346125,
  "summary_gm_median": 715.4564342796803,
  "summary_gm_n": 40833.0,
  "summary_gm_p05": 589.0032259300351,
  "summary_gm_p95": 853.5734502419831,
  "summary_gm_stdv": 80.51395636602852,
  "summary_wm_k": 0.507921637718169,
  "summary_wm_mad": 71.62943652511065,
  "summary_wm_mean": 1000.8536440007546,
  "summary_wm_median": 999.9999762028456,
  "summary_wm_n": 396468.0,
  "summary_wm_p05": 881.3607566133142,
  "summary_wm_p95": 1122.2603125348687,
  "summary_wm_stdv": 73.92969347442813,
  "tpm_overlap_csf": 0.17940129339694977,
  "tpm_overlap_gm": 0.4443689286708832,
  "tpm_overlap_wm": 0.49994176626205444,
  "wm2max": 0.40479014009290254
}