{
  "aor": 0.0005481090909090908,
  "aqi": 0.010292924218181818,
  "bids_meta": {
    "AcquisitionMatrixPE": 96,
    "BandwidthPerPixelPhaseEncode": 20.425,
    "BaseResolution": 96,
    "BodyPartExamined": "BRAIN",
    "ConsistencyInfo": "N4_VE11C_LATEST_20160120",
    "ConversionSoftware": "dcm2niix",
    "ConversionSoftwareVersion": "v1.0.20180328 GCC6.3.0",
    "DerivedVendorReportedEchoSpacing": 0.000509996,
    "DeviceSerialNumber": "66018",
    "DwellTime": 2.1e-06,
    "EchoTime": 0.031,
    "EchoTrainLength": 96,
    "EffectiveEchoSpacing": 0.000509996,
    "FlipAngle": 67,
    "ImageOrientationPatientDICOM": [
      1,
      0,
      0,
      0,
      1,
      0
    ],
    "ImageType": [
      "ORIGINAL",
      "PRIMARY",
      "M",
      "ND",
      "NORM",
      "MOSAIC"
    ],
    "InPlanePhaseEncodingDirectionDICOM": "COL",
    "InstitutionAddress": "Washington Rd, Princeton, NJ 08540, USA",
    "InstitutionName": "Princeton University",
    "InstitutionalDepartmentName": "Princeton Neuroscience Institute",
    "MRAcquisitionType": "2D",
    "MagneticFieldStrength": 3,
    "Manufacturer": "Siemens",
    "ManufacturersModelName": "Prisma",
    "Modality": "MR",
    "MultibandAccelerationFactor": 3,
    "NumberOfVolumesDiscardedByScanner": 3,
    "PartialFourier": 1,
    "PatientPosition": "HFS",
    "PercentPhaseFOV": 100,
    "PhaseEncodingDirection": "j-",
    "PhaseEncodingSteps": 96,
    "PhaseResolution": 1,
    "PixelBandwidth": 2480,
    "ProcedureStepDescription": "Hasson_Nastase_042518_Storyteller",
    "ProtocolName": "func_task-bronx",
    "PulseSequenceDetails": "%SiemensSeq%_ep2d_bold",
    "ReceiveCoilActiveElements": "HC1-7;NC1",
    "ReceiveCoilName": "HeadNeck_64",
    "ReconMatrixPE": 96,
    "RepetitionTime": 1.5,
    "SAR": 0.0442506,
    "ScanOptions": "FS",
    "ScanningSequence": "EP",
    "SequenceName": "_epfid2d1_96",
    "SequenceVariant": "SK",
    "SeriesDescription": "func_task-bronx",
    "SeriesNumber": 7,
    "ShimSetting": [
      753,
      532,
      2111,
      677,
      -93,
      64,
      261,
      37
    ],
    "SliceThickness": 2.5,
    "SliceTiming": [
      1.11,
      0,
      0.74,
      0.0925,
      0.8325,
      0.185,
      0.925,
      0.2775,
      1.0175,
      0.4625,
      1.2025,
      0.555,
      1.295,
      0.6475,
      1.3875,
      0.37,
      1.11,
      0,
      0.74,
      0.0925,
      0.8325,
      0.185,
      0.925,
      0.2775,
      1.0175,
      0.4625,
      1.2025,
      0.555,
      1.295,
      0.6475,
      1.3875,
      0.37,
      1.11,
      0,
      0.74,
      0.0925,
      0.8325,
      0.185,
      0.925,
      0.2775,
      1.0175,
      0.4625,
      1.2025,
      0.555,
      1.295,
      0.6475,
      1.3875,
      0.37
    ],
    "SoftwareVersions": "syngo_MR_E11",
    "SpacingBetweenSlices": 2.5,
    "StationName": "AWP66018",
    "TaskDescription": "Passively listened to audio story 'black'",
    "TaskName": "black",
    "TotalReadoutTime": 0.0484496,
    "TxRefAmp": 226.616,
    "dataset": "ds002345",
    "modality": "bold",
    "subject_id": "275",
    "task_id": "black"
  },
  "dummy_trs": 0,
  "dvars_nstd": 33.216557921366146,
  "dvars_std": 1.3455199152641157,
  "dvars_vstd": 1.0016477739526408,
  "efc": 0.5026538598272998,
  "fber": 3773.16455078125,
  "fd_mean": 0.157396848614467,
  "fd_num": 155,
  "fd_perc": 28.181818181818183,
  "fwhm_avg": 1.8509573333333333,
  "fwhm_x": 1.7495280000000002,
  "fwhm_y": 2.005896,
  "fwhm_z": 1.797448,
  "gcor": 0.0119801,
  "gsr_x": -0.007174794562160969,
  "gsr_y": 0.03572573512792587,
  "provenance": {
    "md5sum": "d18f133a32855136bca6ade4b54b977b",
    "settings": {
      "fd_thres": 0.2,
      "testing": false
    },
    "software": "mriqc",
    "version": "22.0.0rc1",
    "webapi_port": null,
    "webapi_url": "https://mriqc.nimh.nih.gov/api/v1"
  },
  "size_t": 550,
  "size_x": 96,
  "size_y": 96,
  "size_z": 48,
  "snr": 6.16642763530826,
  "spacing_tr": 1.5,
  "spacing_x": 2.5,
  "spacing_y": 2.5,
  "spacing_z": 2.5,
  "summary_bg_k": 41.37498762579133,
  "summary_bg_mad": 7.423794350793918,
  "summary_bg_mean": 33.62893295288086,
  "summary_bg_median": 11.640000343322754,
  "summary_bg_n": 294076.0,
  "summary_bg_p05": 5.181818008422852,
  "summary_bg_p95": 152.7531852722168,
  "summary_bg_stdv": 63.50419616699219,
  "summary_fg_k": 2.315051384729058,
  "summary_fg_mad": 105.7931336341281,
  "summary_fg_mean": 724.7186889648438,
  "summary_fg_median": 722.5218505859375,
  "summary_fg_n": 83789.0,
  "summary_fg_p05": 555.6378173828125,
  "summary_fg_p95": 910.4901733398438,
  "summary_fg_stdv": 117.16954803466797,
  "tsnr": 58.91915764287114
}