{
  "aor": 0.0004607712082262211,
  "aqi": 0.009176307172236503,
  "bids_meta": {
    "AcquisitionMatrixPE": 96,
    "BandwidthPerPixelPhaseEncode": 20.425,
    "BaseResolution": 96,
    "BodyPartExamined": "BRAIN",
    "ConsistencyInfo": "N4_VE11C_LATEST_20160120",
    "ConversionSoftware": "dcm2niix",
    "ConversionSoftwareVersion": "v1.0.20180328 GCC6.3.0",
    "DerivedVendorReportedEchoSpacing": 0.000509996,
    "DeviceSerialNumber": "66018",
    "DwellTime": 2.1e-06,
    "EchoTime": 0.031,
    "EchoTrainLength": 96,
    "EffectiveEchoSpacing": 0.000509996,
    "FlipAngle": 67,
    "ImageOrientationPatientDICOM": [
      1,
      0,
      0,
      0,
      1,
      0
    ],
    "ImageType": [
      "ORIGINAL",
      "PRIMARY",
      "M",
      "ND",
      "NORM",
      "MOSAIC"
    ],
    "InPlanePhaseEncodingDirectionDICOM": "COL",
    "InstitutionAddress": "Washington Rd, Princeton, NJ 08540, USA",
    "InstitutionName": "Princeton University",
    "InstitutionalDepartmentName": "Princeton Neuroscience Institute",
    "MRAcquisitionType": "2D",
    "MagneticFieldStrength": 3,
    "Manufacturer": "Siemens",
    "ManufacturersModelName": "Prisma",
    "Modality": "MR",
    "MultibandAccelerationFactor": 3,
    "NumberOfVolumesDiscardedByScanner": 3,
    "PartialFourier": 1,
    "PatientPosition": "HFS",
    "PercentPhaseFOV": 100,
    "PhaseEncodingDirection": "j-",
    "PhaseEncodingSteps": 96,
    "PhaseResolution": 1,
    "PixelBandwidth": 2480,
    "ProcedureStepDescription": "Hasson_Nastase_042518_Storyteller",
    "ProtocolName": "func_task-bronx",
    "PulseSequenceDetails": "%SiemensSeq%_ep2d_bold",
    "ReceiveCoilActiveElements": "HC1-7;NC1",
    "ReceiveCoilName": "HeadNeck_64",
    "ReconMatrixPE": 96,
    "RepetitionTime": 1.5,
    "SAR": 0.0448609,
    "ScanOptions": "FS",
    "ScanningSequence": "EP",
    "SequenceName": "_epfid2d1_96",
    "SequenceVariant": "SK",
    "SeriesDescription": "func_task-bronx",
    "SeriesNumber": 10,
    "ShimSetting": [
      749,
      504,
      2016,
      833,
      -47,
      86,
      278,
      21
    ],
    "SliceThickness": 2.5,
    "SliceTiming": [
      1.11,
      0,
      0.74,
      0.0925,
      0.8325,
      0.185,
      0.925,
      0.2775,
      1.0175,
      0.4625,
      1.2025,
      0.555,
      1.295,
      0.6475,
      1.3875,
      0.37,
      1.11,
      0,
      0.74,
      0.0925,
      0.8325,
      0.185,
      0.925,
      0.2775,
      1.0175,
      0.4625,
      1.2025,
      0.555,
      1.295,
      0.6475,
      1.3875,
      0.37,
      1.11,
      0,
      0.74,
      0.0925,
      0.8325,
      0.185,
      0.925,
      0.2775,
      1.0175,
      0.4625,
      1.2025,
      0.555,
      1.295,
      0.6475,
      1.3875,
      0.37
    ],
    "SoftwareVersions": "syngo_MR_E11",
    "SpacingBetweenSlices": 2.5,
    "StationName": "AWP66018",
    "TaskDescription": "Passively listened to audio story 'bronx'",
    "TaskName": "bronx",
    "TotalReadoutTime": 0.0484496,
    "TxRefAmp": 265.935,
    "dataset": "ds002345",
    "modality": "bold",
    "subject_id": "275",
    "task_id": "bronx"
  },
  "dummy_trs": 1,
  "dvars_nstd": 32.56098864265463,
  "dvars_std": 1.350823476907217,
  "dvars_vstd": 0.9967123868814429,
  "efc": 0.5029750763372899,
  "fber": 3767.29248046875,
  "fd_mean": 0.14039037871031385,
  "fd_num": 70,
  "fd_perc": 17.994858611825194,
  "fwhm_avg": 1.8526933333333335,
  "fwhm_x": 1.7517880000000001,
  "fwhm_y": 2.006336,
  "fwhm_z": 1.799956,
  "gcor": 0.0114143,
  "gsr_x": -0.007281842641532421,
  "gsr_y": 0.03544236719608307,
  "provenance": {
    "md5sum": "8e1e50e5025ad736c12bc9699c3aa0a1",
    "settings": {
      "fd_thres": 0.2,
      "testing": false
    },
    "software": "mriqc",
    "version": "22.0.0rc1",
    "webapi_port": null,
    "webapi_url": "https://mriqc.nimh.nih.gov/api/v1"
  },
  "size_t": 389,
  "size_x": 96,
  "size_y": 96,
  "size_z": 48,
  "snr": 6.15925474445203,
  "spacing_tr": 1.5,
  "spacing_x": 2.5,
  "spacing_y": 2.5,
  "spacing_z": 2.5,
  "summary_bg_k": 41.343861788912136,
  "summary_bg_mad": 7.4701808129888505,
  "summary_bg_mean": 33.62809753417969,
  "summary_bg_median": 11.673521995544434,
  "summary_bg_n": 293770.0,
  "summary_bg_p05": 5.177377700805664,
  "summary_bg_p95": 152.16452026367188,
  "summary_bg_stdv": 63.6267204284668,
  "summary_fg_k": 2.35517562666917,
  "summary_fg_mad": 105.99275646701527,
  "summary_fg_mean": 726.048828125,
  "summary_fg_median": 724.0180053710938,
  "summary_fg_n": 83971.0,
  "summary_fg_p05": 556.3444519042969,
  "summary_fg_p95": 912.4460144042969,
  "summary_fg_stdv": 117.54891204833984,
  "tsnr": 61.86127343773842
}