{
  "aor": 0.004105121951219512,
  "aqi": 0.019264228501742156,
  "bids_meta": {
    "AcquisitionMatrixPE": 96,
    "BandwidthPerPixelPhaseEncode": 20.425,
    "BaseResolution": 96,
    "BodyPartExamined": "BRAIN",
    "ConsistencyInfo": "N4_VE11C_LATEST_20160120",
    "ConversionSoftware": "dcm2niix",
    "ConversionSoftwareVersion": "v1.0.20180328 GCC6.3.0",
    "DerivedVendorReportedEchoSpacing": 0.000509996,
    "DeviceSerialNumber": "66018",
    "DwellTime": 2.1e-06,
    "EchoTime": 0.031,
    "EchoTrainLength": 96,
    "EffectiveEchoSpacing": 0.000509996,
    "FlipAngle": 67,
    "ImageOrientationPatientDICOM": [
      1,
      0,
      0,
      0,
      1,
      0
    ],
    "ImageType": [
      "ORIGINAL",
      "PRIMARY",
      "M",
      "ND",
      "NORM",
      "MOSAIC"
    ],
    "InPlanePhaseEncodingDirectionDICOM": "COL",
    "InstitutionAddress": "Washington Rd, Princeton, NJ 08540, USA",
    "InstitutionName": "Princeton University",
    "InstitutionalDepartmentName": "Princeton Neuroscience Institute",
    "MRAcquisitionType": "2D",
    "MagneticFieldStrength": 3,
    "Manufacturer": "Siemens",
    "ManufacturersModelName": "Prisma",
    "Modality": "MR",
    "MultibandAccelerationFactor": 3,
    "NumberOfVolumesDiscardedByScanner": 3,
    "PartialFourier": 1,
    "PatientPosition": "HFS",
    "PercentPhaseFOV": 100,
    "PhaseEncodingDirection": "j-",
    "PhaseEncodingSteps": 96,
    "PhaseResolution": 1,
    "PixelBandwidth": 2480,
    "ProcedureStepDescription": "Hasson_Nastase_042518_Storyteller",
    "ProtocolName": "func_task-forgot",
    "PulseSequenceDetails": "%SiemensSeq%_ep2d_bold",
    "ReceiveCoilActiveElements": "HC1-7;NC1",
    "ReceiveCoilName": "HeadNeck_64",
    "ReconMatrixPE": 96,
    "RepetitionTime": 1.5,
    "SAR": 0.0448875,
    "ScanOptions": "FS",
    "ScanningSequence": "EP",
    "SequenceName": "_epfid2d1_96",
    "SequenceVariant": "SK",
    "SeriesDescription": "func_task-forgot",
    "SeriesNumber": 13,
    "ShimSetting": [
      749,
      504,
      2016,
      833,
      -47,
      86,
      278,
      21
    ],
    "SliceThickness": 2.5,
    "SliceTiming": [
      1.11,
      0,
      0.74,
      0.0925,
      0.8325,
      0.185,
      0.925,
      0.2775,
      1.0175,
      0.4625,
      1.2025,
      0.555,
      1.295,
      0.6475,
      1.3875,
      0.37,
      1.11,
      0,
      0.74,
      0.0925,
      0.8325,
      0.185,
      0.925,
      0.2775,
      1.0175,
      0.4625,
      1.2025,
      0.555,
      1.295,
      0.6475,
      1.3875,
      0.37,
      1.11,
      0,
      0.74,
      0.0925,
      0.8325,
      0.185,
      0.925,
      0.2775,
      1.0175,
      0.4625,
      1.2025,
      0.555,
      1.295,
      0.6475,
      1.3875,
      0.37
    ],
    "SoftwareVersions": "syngo_MR_E11",
    "SpacingBetweenSlices": 2.5,
    "StationName": "AWP66018",
    "TaskDescription": "Passively listened to audio story 'forgot'",
    "TaskName": "forgot",
    "TotalReadoutTime": 0.0484496,
    "TxRefAmp": 265.935,
    "dataset": "ds002345",
    "modality": "bold",
    "subject_id": "275",
    "task_id": "forgot"
  },
  "dummy_trs": 0,
  "dvars_nstd": 35.43341243169282,
  "dvars_std": 1.326392511431064,
  "dvars_vstd": 1.0363371459685857,
  "efc": 0.5070387927301129,
  "fber": 3543.811279296875,
  "fd_mean": 0.23041170898291047,
  "fd_num": 281,
  "fd_perc": 48.954703832752614,
  "fwhm_avg": 1.873672,
  "fwhm_x": 1.76958,
  "fwhm_y": 2.032264,
  "fwhm_z": 1.819172,
  "gcor": 0.0222554,
  "gsr_x": -0.007923572324216366,
  "gsr_y": 0.035513345152139664,
  "provenance": {
    "md5sum": "3f49af92fd524901779345e4f7cff7f1",
    "settings": {
      "fd_thres": 0.2,
      "testing": false
    },
    "software": "mriqc",
    "version": "22.0.0rc1",
    "webapi_port": null,
    "webapi_url": "https://mriqc.nimh.nih.gov/api/v1"
  },
  "size_t": 574,
  "size_x": 96,
  "size_y": 96,
  "size_z": 48,
  "snr": 6.189199710369162,
  "spacing_tr": 1.5,
  "spacing_x": 2.5,
  "spacing_y": 2.5,
  "spacing_z": 2.5,
  "summary_bg_k": 37.75256690986217,
  "summary_bg_mad": 7.707465516825978,
  "summary_bg_mean": 34.288291931152344,
  "summary_bg_median": 11.89547061920166,
  "summary_bg_n": 292981.0,
  "summary_bg_p05": 5.210801601409912,
  "summary_bg_p95": 155.16375732421875,
  "summary_bg_stdv": 63.34659194946289,
  "summary_fg_k": 2.0767602653340616,
  "summary_fg_mad": 106.15070825976437,
  "summary_fg_mean": 718.0006713867188,
  "summary_fg_median": 715.969482421875,
  "summary_fg_n": 84682.0,
  "summary_fg_p05": 549.073617553711,
  "summary_fg_p95": 902.4945495605468,
  "summary_fg_stdv": 115.67977905273438,
  "tsnr": 44.38910192926414
}