{
  "aor": 0.003479805194805195,
  "aqi": 0.008282816331168832,
  "bids_meta": {
    "CogAtlasID": "https://www.cognitiveatlas.org/task/id/trm_4c8991fadfe01",
    "DeviceSerialNumber": "66018",
    "DwellTime": 4.2e-06,
    "EchoTime": 0.039,
    "EffectiveEchoSpacing": 0.000929976,
    "FlipAngle": 50,
    "InstitutionAddress": "Washington Rd, Princeton, NJ 08540, USA",
    "InstitutionName": "Princeton University",
    "InstitutionalDepartmentName": "Princeton Neuroscience Institute",
    "MagneticFieldStrength": 3,
    "Manufacturer": "Siemens",
    "ManufacturersModelName": "Prisma",
    "NumberOfVolumesDiscardedByScanner": 3,
    "ParallelReductionType": "GRAPPA",
    "PartialFourier": 0.75,
    "PhaseEncodingDirection": "j-",
    "PixelBandwidth": 1240,
    "PulseSequenceDetails": "%CustomerSeq%_ep2d_bold_sms_mgh_v22",
    "PulseSequenceType": "Gradient Echo EPI",
    "ReceiveCoilActiveElements": "HC1-7;NC1,2",
    "ReceiveCoilName": "HeadNeck_64",
    "RepetitionTime": 1.5,
    "ScanOptions": "PFP_FS",
    "ScanningSequence": "EP",
    "SequenceName": "epfSM2d1_96",
    "SequenceVariant": "SK",
    "SliceTiming": [
      0.6925,
      0,
      0.79,
      0.1,
      0.8875,
      0.1975,
      0.9875,
      0.2975,
      1.085,
      0.395,
      1.185,
      0.495,
      1.2825,
      0.5925,
      1.3825,
      0.6925,
      0,
      0.79,
      0.1,
      0.8875,
      0.1975,
      0.9875,
      0.2975,
      1.085,
      0.395,
      1.185,
      0.495,
      1.2825,
      0.5925,
      1.3825,
      0.6925,
      0,
      0.79,
      0.1,
      0.8875,
      0.1975,
      0.9875,
      0.2975,
      1.085,
      0.395,
      1.185,
      0.495,
      1.2825,
      0.5925,
      1.3825,
      0.6925,
      0,
      0.79,
      0.1,
      0.8875,
      0.1975,
      0.9875,
      0.2975,
      1.085,
      0.395,
      1.185,
      0.495,
      1.2825,
      0.5925,
      1.3825
    ],
    "SoftwareVersions": "syngo_MR_D13D",
    "StationName": "AWP66018",
    "TaskDescription": "Passively listened to audio story 'shapesphysical'",
    "TaskName": "shapesphysical",
    "TotalReadoutTime": 0.0883478,
    "dataset": "ds002345",
    "modality": "bold",
    "subject_id": "247",
    "task_id": "shapesphysical"
  },
  "dummy_trs": 1,
  "dvars_nstd": 33.02838097465794,
  "dvars_std": 1.0727160200000003,
  "dvars_vstd": 1.021246038664495,
  "efc": 0.5920914027600123,
  "fber": 312.20904541015625,
  "fd_mean": 0.0990264588433089,
  "fd_num": 29,
  "fd_perc": 9.415584415584416,
  "fwhm_avg": 2.740501666666667,
  "fwhm_x": 2.50703,
  "fwhm_y": 3.041215,
  "fwhm_z": 2.67326,
  "gcor": 0.00751387,
  "gsr_x": -0.0005725763621740043,
  "gsr_y": 0.055177439004182816,
  "provenance": {
    "md5sum": "b60c2893af89b04cc3ea5835271d1c61",
    "settings": {
      "fd_thres": 0.2,
      "testing": false
    },
    "software": "mriqc",
    "version": "22.0.0rc1",
    "webapi_port": null,
    "webapi_url": "https://mriqc.nimh.nih.gov/api/v1"
  },
  "size_t": 308,
  "size_x": 96,
  "size_y": 96,
  "size_z": 60,
  "snr": 2.779777341189664,
  "spacing_tr": 1.5,
  "spacing_x": 2.0,
  "spacing_y": 2.0,
  "spacing_z": 2.0,
  "summary_bg_k": 138.22815369510946,
  "summary_bg_mad": 6.41177216564968,
  "summary_bg_mean": 38.580509185791016,
  "summary_bg_median": 24.65584373474121,
  "summary_bg_n": 320054.0,
  "summary_bg_p05": 19.327922821044922,
  "summary_bg_p95": 97.29123573303208,
  "summary_bg_stdv": 48.30409622192383,
  "summary_fg_k": 0.952527776640709,
  "summary_fg_mad": 153.08349769889526,
  "summary_fg_mean": 471.7512512207031,
  "summary_fg_median": 451.0292053222656,
  "summary_fg_n": 145344.0,
  "summary_fg_p05": 250.49221267700196,
  "summary_fg_p95": 765.4990295410157,
  "summary_fg_stdv": 162.25315856933594,
  "tsnr": 39.600462527247146
}