{
  "aor": 0.007691966666666668,
  "aqi": 0.012131375266666668,
  "bids_meta": {
    "CogAtlasID": "https://www.cognitiveatlas.org/task/id/trm_4c8991fadfe01",
    "DeviceSerialNumber": "45031",
    "DwellTime": 5.4e-06,
    "EchoTime": 0.028,
    "EffectiveEchoSpacing": 0.000390001,
    "FlipAngle": 64,
    "InstitutionAddress": "Washington Rd, Princeton, NJ 08540, USA",
    "InstitutionName": "Princeton University",
    "InstitutionalDepartmentName": "Princeton Neuroscience Institute",
    "MagneticFieldStrength": 3,
    "Manufacturer": "Siemens",
    "ManufacturersModelName": "Skyra",
    "NumberOfVolumesDiscardedByScanner": 3,
    "ParallelReductionFactorInPlane": 2,
    "ParallelReductionType": "GRAPPA",
    "PartialFourier": 1,
    "PhaseEncodingDirection": "j-",
    "PixelBandwidth": 1445,
    "PulseSequenceDetails": "%SiemensSeq%_ep2d_bold",
    "PulseSequenceType": "Gradient Echo EPI",
    "ReceiveCoilActiveElements": "HE1-4",
    "ReceiveCoilName": "HeadNeck_20",
    "RepetitionTime": 1.5,
    "ScanOptions": "FS",
    "ScanningSequence": "EP",
    "SequenceName": "_epfid2d1_64",
    "SequenceVariant": "SK",
    "SliceTiming": [
      0,
      0.7775,
      0.055,
      0.8325,
      0.11,
      0.89,
      0.1675,
      0.945,
      0.2225,
      1,
      0.2775,
      1.055,
      0.3325,
      1.11,
      0.39,
      1.1675,
      0.445,
      1.2225,
      0.5,
      1.2775,
      0.555,
      1.3325,
      0.61,
      1.3875,
      0.6675,
      1.445,
      0.7225
    ],
    "SoftwareVersions": "syngo_MR_D11",
    "StationName": "AWP45031",
    "TaskDescription": "Passively listened to audio story 'pieman'",
    "TaskName": "pieman",
    "TotalReadoutTime": 0.0245701,
    "dataset": "ds002345",
    "modality": "bold",
    "subject_id": "018",
    "task_id": "pieman"
  },
  "dummy_trs": 0,
  "dvars_nstd": 23.408883531638818,
  "dvars_std": 1.2527838016387958,
  "dvars_vstd": 1.0902461806020072,
  "efc": 0.5549176824786901,
  "fber": 2336.009033203125,
  "fd_mean": 0.2080109585497543,
  "fd_num": 112,
  "fd_perc": 37.333333333333336,
  "fwhm_avg": 1.727998888888889,
  "fwhm_x": 1.6907866666666667,
  "fwhm_y": 1.97835,
  "fwhm_z": 1.51486,
  "gcor": 0.0300034,
  "gsr_x": -0.0017901394749060273,
  "gsr_y": 0.030848989263176918,
  "provenance": {
    "md5sum": "bf726c52db34f49b0f2075e3362ed19c",
    "settings": {
      "fd_thres": 0.2,
      "testing": false
    },
    "software": "mriqc",
    "version": "21.0.0rc2",
    "webapi_port": null,
    "webapi_url": "https://mriqc.nimh.nih.gov/api/v1"
  },
  "size_t": 300,
  "size_x": 64,
  "size_y": 64,
  "size_z": 27,
  "snr": 7.2078834626673,
  "spacing_tr": 1.5,
  "spacing_x": 3.0,
  "spacing_y": 3.0,
  "spacing_z": 4.0,
  "summary_bg_k": 28.12692223394872,
  "summary_bg_mad": 7.887443349995512,
  "summary_bg_mean": 31.784372329711914,
  "summary_bg_median": 12.40666675567627,
  "summary_bg_n": 59548.0,
  "summary_bg_p05": 5.553333282470703,
  "summary_bg_p95": 118.61383743286112,
  "summary_bg_stdv": 57.51043701171875,
  "summary_fg_k": 2.3568543882763544,
  "summary_fg_mad": 79.13135966871074,
  "summary_fg_mean": 624.1626586914062,
  "summary_fg_median": 618.61669921875,
  "summary_fg_n": 23316.0,
  "summary_fg_p05": 504.03084564208984,
  "summary_fg_p95": 768.3516693115234,
  "summary_fg_stdv": 85.82317352294922,
  "tsnr": 57.700737079954706
}