{
  "bids_meta": {
    "AcquisitionMatrixPE": 256,
    "BaseResolution": 256,
    "BodyPartExamined": "BRAIN",
    "ConsistencyInfo": "N4_VE11C_LATEST_20160120",
    "ConversionSoftware": "dcm2niix",
    "ConversionSoftwareVersion": "v1.0.20180328 GCC6.3.0",
    "DeviceSerialNumber": "66018",
    "DwellTime": 9.8e-06,
    "EchoTime": 0.428,
    "EchoTrainLength": 175,
    "FlipAngle": 120,
    "ImageOrientationPatientDICOM": [
      0,
      1,
      0,
      0,
      0,
      -1
    ],
    "ImageType": [
      "ORIGINAL",
      "PRIMARY",
      "M",
      "ND"
    ],
    "InPlanePhaseEncodingDirectionDICOM": "ROW",
    "InstitutionAddress": "Washington Rd, Princeton, NJ 08540, USA",
    "InstitutionName": "Princeton University",
    "InstitutionalDepartmentName": "Princeton Neuroscience Institute",
    "MRAcquisitionType": "3D",
    "MagneticFieldStrength": 3,
    "Manufacturer": "Siemens",
    "ManufacturersModelName": "Prisma",
    "Modality": "MR",
    "ParallelReductionFactorInPlane": 2,
    "ParallelReductionType": "GRAPPA",
    "PartialFourier": 1,
    "PatientPosition": "HFS",
    "PercentPhaseFOV": 100,
    "PhaseEncodingSteps": 175,
    "PhaseResolution": 1,
    "PixelBandwidth": 200,
    "ProcedureStepDescription": "Hasson_Nastase_042518_Storyteller",
    "ProtocolName": "anat-T2w",
    "PulseSequenceDetails": "%SiemensSeq%_tse_vfl",
    "ReceiveCoilActiveElements": "HC1-7;NC1",
    "ReceiveCoilName": "HeadNeck_64",
    "ReconMatrixPE": 256,
    "RepetitionTime": 3.2,
    "SAR": 0.0513613,
    "ScanOptions": "PFP",
    "ScanningSequence": "SE",
    "SequenceName": "_spc_230ns",
    "SequenceVariant": "SK_SP",
    "SeriesDescription": "anat-T2w",
    "SeriesNumber": 14,
    "ShimSetting": [
      747,
      516,
      2023,
      395,
      -66,
      -371,
      205,
      4
    ],
    "SliceThickness": 1,
    "SoftwareVersions": "syngo_MR_E11",
    "StationName": "AWP66018",
    "TxRefAmp": 259.139,
    "dataset": "ds002345",
    "modality": "T2w",
    "subject_id": "297"
  },
  "cjv": 0.7682328758176806,
  "cnr": 1.3571495107088958,
  "efc": 0.5567763379857776,
  "fber": 665.801259765625,
  "fwhm_avg": 2.65685,
  "fwhm_x": 2.77264,
  "fwhm_y": 2.42039,
  "fwhm_z": 2.77752,
  "icvs_csf": 0.3406702669253672,
  "icvs_gm": 0.11451273321786977,
  "icvs_wm": 0.544816999856763,
  "inu_med": 1.2591089010238647,
  "inu_range": 0.5897478133440017,
  "provenance": {
    "md5sum": "0dc3ae9f8557c0a9025363f20df0e9f4",
    "settings": {
      "testing": false
    },
    "software": "mriqc",
    "version": "22.0.0rc1",
    "warnings": {
      "large_rot_frame": true,
      "small_air_mask": false
    },
    "webapi_port": null,
    "webapi_url": "https://mriqc.nimh.nih.gov/api/v1"
  },
  "qi_1": 0.0,
  "qi_2": 0.013248094156773879,
  "rpve_csf": 17.52609528020474,
  "rpve_gm": 60.73173342614272,
  "rpve_wm": 12.19616217452551,
  "size_x": 176,
  "size_y": 256,
  "size_z": 256,
  "snr_csf": 8.140651652558759,
  "snr_gm": 2.6125624822646607,
  "snr_total": 6.634818330075283,
  "snr_wm": 9.151240855402426,
  "snrd_csf": 52.67077448201313,
  "snrd_gm": 68.86763644833393,
  "snrd_total": 51.41946158660384,
  "snrd_wm": 32.71997382946448,
  "spacing_x": 1.0,
  "spacing_y": 1.0,
  "spacing_z": 1.0,
  "summary_bg_k": 10.261227657547234,
  "summary_bg_mad": 20.025048375296187,
  "summary_bg_mean": 40.72200270207514,
  "summary_bg_median": 26.88714900612831,
  "summary_bg_n": 3672163.0,
  "summary_bg_p05": 0.0,
  "summary_bg_p95": 120.80282440781593,
  "summary_bg_stdv": 42.50673148994752,
  "summary_csf_k": -0.06458767444065527,
  "summary_csf_mad": 200.06333376814604,
  "summary_csf_mean": 1616.0563187533605,
  "summary_csf_median": 1609.9469409585,
  "summary_csf_n": 31303.0,
  "summary_csf_p05": 1302.9663885265588,
  "summary_csf_p95": 1950.3786412149666,
  "summary_csf_stdv": 197.76318824667905,
  "summary_gm_k": -0.07555161540706434,
  "summary_gm_mad": 744.5762145898682,
  "summary_gm_mean": 2070.4321257556194,
  "summary_gm_median": 2105.0239287614822,
  "summary_gm_n": 4494.0,
  "summary_gm_p05": 660.5213157132268,
  "summary_gm_p95": 3388.292009295523,
  "summary_gm_stdv": 805.641865486575,
  "summary_wm_k": 0.3503164249360853,
  "summary_wm_mad": 104.24254154242969,
  "summary_wm_mean": 1000.2473793922574,
  "summary_wm_median": 1000.1262045800686,
  "summary_wm_n": 183007.0,
  "summary_wm_p05": 820.3736215531826,
  "summary_wm_p95": 1179.7146876364925,
  "summary_wm_stdv": 109.28829083382466,
  "tpm_overlap_csf": 0.10847319662570953,
  "tpm_overlap_gm": 0.07553353160619736,
  "tpm_overlap_wm": 0.4508667588233948,
  "wm2max": 0.2518756358087487
}