{
  "bids_meta": {
    "DeviceSerialNumber": "45031",
    "DwellTime": 8.2e-06,
    "EchoTime": 0.00308,
    "FlipAngle": 9,
    "InstitutionAddress": "Washington Rd, Princeton, NJ 08540, USA",
    "InstitutionName": "Princeton University",
    "InstitutionalDepartmentName": "Princeton Neuroscience Institute",
    "InversionTime": 0.9,
    "MagneticFieldStrength": 3,
    "Manufacturer": "Siemens",
    "ManufacturersModelName": "Skyra",
    "ParallelReductionFactorInPlane": 2,
    "ParallelReductionType": "GRAPPA",
    "PartialFourier": 1,
    "PixelBandwidth": 240,
    "PulseSequenceDetails": "%SiemensSeq%_tfl",
    "PulseSequenceType": "MPRAGE",
    "ReceiveCoilActiveElements": "HE1-4",
    "ReceiveCoilName": "HeadNeck_20",
    "RepetitionTime": 2.3,
    "ScanOptions": "IR",
    "ScanningSequence": "GR_IR",
    "SequenceName": "_tfl3d1_16ns",
    "SequenceVariant": "SK_SP_MP",
    "SoftwareVersions": "syngo_MR_D11",
    "StationName": "AWP45031",
    "dataset": "ds002345",
    "modality": "T1w",
    "subject_id": "039"
  },
  "cjv": 0.43737588199643623,
  "cnr": 2.959173674155745,
  "efc": 0.59746708684711,
  "fber": 1214.9537924631716,
  "fwhm_avg": 3.255698615096357,
  "fwhm_x": 3.3110667543799814,
  "fwhm_y": 3.433181090909091,
  "fwhm_z": 3.022848,
  "icvs_csf": 0.18954937586189757,
  "icvs_gm": 0.4159952529270656,
  "icvs_wm": 0.39445537121103685,
  "inu_med": 1.3181171417236328,
  "inu_range": 0.4960740923881528,
  "provenance": {
    "md5sum": "22c7ace1e735b6d3e4b3d874b79fc558",
    "settings": {
      "testing": false
    },
    "software": "mriqc",
    "version": "21.0.0rc2",
    "warnings": {
      "large_rot_frame": true,
      "small_air_mask": false
    },
    "webapi_port": null,
    "webapi_url": "https://mriqc.nimh.nih.gov/api/v1"
  },
  "qi_1": 0.0007397702724258901,
  "qi_2": 0.003534893286885854,
  "rpve_csf": 23.19840916913974,
  "rpve_gm": 11.32700136678931,
  "rpve_wm": 14.604989583101814,
  "size_x": 192,
  "size_y": 256,
  "size_z": 256,
  "snr_csf": 3.886737384084793,
  "snr_gm": 8.835004742592053,
  "snr_total": 9.985550185088728,
  "snr_wm": 17.23490842858934,
  "snrd_csf": 23.155353112640473,
  "snrd_gm": 37.271246061999214,
  "snrd_total": 37.79083525280627,
  "snrd_wm": 52.945906583779134,
  "spacing_x": 0.8999999761581421,
  "spacing_y": 0.859375,
  "spacing_z": 0.859375,
  "summary_bg_k": 1189.9694610000413,
  "summary_bg_mad": 12.373692790916717,
  "summary_bg_mean": 19.830375036396404,
  "summary_bg_median": 16.757573895156384,
  "summary_bg_n": 2983684.0,
  "summary_bg_p05": 2.7600709944963455,
  "summary_bg_p95": 44.35828384011984,
  "summary_bg_stdv": 17.155248872726037,
  "summary_csf_k": 1.2994354192913988,
  "summary_csf_mad": 92.55911930213293,
  "summary_csf_mean": 426.95780856161826,
  "summary_csf_median": 437.3398206755519,
  "summary_csf_n": 7741.0,
  "summary_csf_p05": 216.4684251397848,
  "summary_csf_p95": 592.2323762476444,
  "summary_csf_stdv": 112.51379454581291,
  "summary_gm_k": 0.44914922078441766,
  "summary_gm_mad": 74.14472609360332,
  "summary_gm_mean": 708.1824263539135,
  "summary_gm_median": 703.949535548687,
  "summary_gm_n": 21481.0,
  "summary_gm_p05": 583.2292875275016,
  "summary_gm_p95": 846.9474994540215,
  "summary_gm_stdv": 79.67546939334309,
  "summary_wm_k": 0.42023328537303994,
  "summary_wm_mad": 55.34061027748579,
  "summary_wm_mean": 999.2591865688396,
  "summary_wm_median": 1000.0000076964498,
  "summary_wm_n": 293846.0,
  "summary_wm_p05": 902.543215200305,
  "summary_wm_p95": 1092.9881138205528,
  "summary_wm_stdv": 58.021677937355086,
  "tpm_overlap_csf": 0.15894815325737,
  "tpm_overlap_gm": 0.4346124827861786,
  "tpm_overlap_wm": 0.5044509768486023,
  "wm2max": 0.49033177677615214
}