{
  "bids_meta": {
    "AcquisitionMatrixPE": 256,
    "BaseResolution": 256,
    "BodyPartExamined": "BRAIN",
    "ConsistencyInfo": "N4_VE11C_LATEST_20160120",
    "ConversionSoftware": "dcm2niix",
    "ConversionSoftwareVersion": "v1.0.20180328 GCC6.3.0",
    "DeviceSerialNumber": "66018",
    "EchoTime": 0.0033,
    "FlipAngle": 7,
    "ImageOrientationPatientDICOM": [
      0,
      1,
      0,
      0,
      0,
      -1
    ],
    "ImageType": [
      "ORIGINAL",
      "PRIMARY",
      "M",
      "ND",
      "NORM"
    ],
    "InPlanePhaseEncodingDirectionDICOM": "ROW",
    "InstitutionAddress": "Washington Rd, Princeton, NJ 08540, USA",
    "InstitutionName": "Princeton University",
    "InstitutionalDepartmentName": "Princeton Neuroscience Institute",
    "InversionTime": 1.1,
    "MRAcquisitionType": "3D",
    "MagneticFieldStrength": 3,
    "Manufacturer": "Siemens",
    "ManufacturersModelName": "Prisma",
    "Modality": "MR",
    "ParallelReductionFactorInPlane": 2,
    "ParallelReductionType": "GRAPPA",
    "PartialFourier": 1,
    "PatientPosition": "HFS",
    "PercentPhaseFOV": 100,
    "PhaseEncodingSteps": 255,
    "PhaseResolution": 1,
    "PixelBandwidth": 200,
    "ProcedureStepDescription": "Hasson_Nastase_042518_Storyteller",
    "ProtocolName": "anat-T1w",
    "PulseSequenceDetails": "%SiemensSeq%_tfl",
    "ReceiveCoilActiveElements": "HC1-7;NC1",
    "ReceiveCoilName": "HeadNeck_64",
    "ReconMatrixPE": 256,
    "RepetitionTime": 2.53,
    "SAR": 0.0500361,
    "ScanOptions": "IR",
    "ScanningSequence": "GR_IR",
    "SequenceName": "_tfl3d1_16ns",
    "SequenceVariant": "SK_SP_MP",
    "SeriesDescription": "anat-T1w",
    "SeriesNumber": 3,
    "ShimSetting": [
      751,
      471,
      2019,
      407,
      -53,
      -203,
      249,
      47
    ],
    "SliceThickness": 1,
    "SoftwareVersions": "syngo_MR_E11",
    "StationName": "AWP66018",
    "TxRefAmp": 242.201,
    "dataset": "ds002345",
    "modality": "T1w",
    "subject_id": "292"
  },
  "cjv": 0.382851579594927,
  "cnr": 3.422844082015665,
  "efc": 0.5567769576004341,
  "fber": 3882.075805535265,
  "fwhm_avg": 3.1862933333333334,
  "fwhm_x": 3.18766,
  "fwhm_y": 3.31449,
  "fwhm_z": 3.05673,
  "icvs_csf": 0.17784299430054024,
  "icvs_gm": 0.46602737759114177,
  "icvs_wm": 0.356129628108318,
  "inu_med": 1.1791248321533203,
  "inu_range": 0.5005224049091339,
  "provenance": {
    "md5sum": "5d46160bca7bb5beb013707571cdc42d",
    "settings": {
      "testing": false
    },
    "software": "mriqc",
    "version": "22.0.0rc1",
    "warnings": {
      "large_rot_frame": true,
      "small_air_mask": false
    },
    "webapi_port": null,
    "webapi_url": "https://mriqc.nimh.nih.gov/api/v1"
  },
  "qi_1": 5.824787278248528e-05,
  "qi_2": 0.0008312855599792743,
  "rpve_csf": 29.063163263752493,
  "rpve_gm": 12.601718029561452,
  "rpve_wm": 18.811909919349144,
  "size_x": 176,
  "size_y": 256,
  "size_z": 256,
  "snr_csf": 2.705102323615791,
  "snr_gm": 10.161196421340396,
  "snr_total": 10.084558863043608,
  "snr_wm": 17.387377844174637,
  "snrd_csf": 43.020081331530584,
  "snrd_gm": 71.6002463436348,
  "snrd_total": 72.6685529678062,
  "snrd_wm": 103.38533122825326,
  "spacing_x": 1.0,
  "spacing_y": 1.0,
  "spacing_z": 1.0,
  "summary_bg_k": 507.87706679293655,
  "summary_bg_mad": 6.336840593145316,
  "summary_bg_mean": 11.781579646381287,
  "summary_bg_median": 9.530827604234219,
  "summary_bg_n": 3610894.0,
  "summary_bg_p05": 2.358142912387848,
  "summary_bg_p95": 27.904691129922867,
  "summary_bg_stdv": 10.720209180415804,
  "summary_csf_k": 11.980023928822792,
  "summary_csf_mad": 137.58956184427012,
  "summary_csf_mean": 408.14296992573793,
  "summary_csf_median": 416.1139680817723,
  "summary_csf_n": 2279.0,
  "summary_csf_p05": 163.77302526533603,
  "summary_csf_p95": 621.7833324238658,
  "summary_csf_stdv": 153.7918404524097,
  "summary_gm_k": 0.2915918344370647,
  "summary_gm_mad": 64.46096465440925,
  "summary_gm_mean": 693.3306571082237,
  "summary_gm_median": 692.5570965819061,
  "summary_gm_n": 19640.0,
  "summary_gm_p05": 583.4389461088925,
  "summary_gm_p95": 810.1228027587756,
  "summary_gm_stdv": 68.15530734278121,
  "summary_wm_k": 0.5704239603708054,
  "summary_wm_mad": 53.24402843206007,
  "summary_wm_mean": 998.6731543272431,
  "summary_wm_median": 999.9999787844718,
  "summary_wm_n": 158671.0,
  "summary_wm_p05": 900.6632086001337,
  "summary_wm_p95": 1090.4937130473554,
  "summary_wm_stdv": 57.51280248045935,
  "tpm_overlap_csf": 0.14248916506767273,
  "tpm_overlap_gm": 0.4416291117668152,
  "tpm_overlap_wm": 0.4759201109409332,
  "wm2max": 0.5282348056262003
}