{
  "bids_meta": {
    "AcquisitionMatrixPE": 256,
    "BaseResolution": 256,
    "BodyPartExamined": "BRAIN",
    "ConsistencyInfo": "N4_VE11C_LATEST_20160120",
    "ConversionSoftware": "dcm2niix",
    "ConversionSoftwareVersion": "v1.0.20180328 GCC6.3.0",
    "DeviceSerialNumber": "66018",
    "DwellTime": 9.8e-06,
    "EchoTime": 0.428,
    "EchoTrainLength": 175,
    "FlipAngle": 120,
    "ImageOrientationPatientDICOM": [
      0,
      1,
      0,
      0,
      0,
      -1
    ],
    "ImageType": [
      "ORIGINAL",
      "PRIMARY",
      "M",
      "ND"
    ],
    "InPlanePhaseEncodingDirectionDICOM": "ROW",
    "InstitutionAddress": "Washington Rd, Princeton, NJ 08540, USA",
    "InstitutionName": "Princeton University",
    "InstitutionalDepartmentName": "Princeton Neuroscience Institute",
    "MRAcquisitionType": "3D",
    "MagneticFieldStrength": 3,
    "Manufacturer": "Siemens",
    "ManufacturersModelName": "Prisma",
    "Modality": "MR",
    "ParallelReductionFactorInPlane": 2,
    "ParallelReductionType": "GRAPPA",
    "PartialFourier": 1,
    "PatientPosition": "HFS",
    "PercentPhaseFOV": 100,
    "PhaseEncodingSteps": 175,
    "PhaseResolution": 1,
    "PixelBandwidth": 200,
    "ProcedureStepDescription": "Hasson_Nastase_042518_Storyteller",
    "ProtocolName": "anat-T2w",
    "PulseSequenceDetails": "%SiemensSeq%_tse_vfl",
    "ReceiveCoilActiveElements": "HC1-7;NC1",
    "ReceiveCoilName": "HeadNeck_64",
    "ReconMatrixPE": 256,
    "RepetitionTime": 3.2,
    "SAR": 0.0614692,
    "ScanOptions": "PFP",
    "ScanningSequence": "SE",
    "SequenceName": "_spc_230ns",
    "SequenceVariant": "SK_SP",
    "SeriesDescription": "anat-T2w",
    "SeriesNumber": 11,
    "ShimSetting": [
      751,
      471,
      2019,
      407,
      -53,
      -203,
      249,
      47
    ],
    "SliceThickness": 1,
    "SoftwareVersions": "syngo_MR_E11",
    "StationName": "AWP66018",
    "TxRefAmp": 242.201,
    "dataset": "ds002345",
    "modality": "T2w",
    "subject_id": "292"
  },
  "cjv": 0.6172265057883249,
  "cnr": 1.6000779718024514,
  "efc": 0.5299575710457816,
  "fber": 1364.426506536295,
  "fwhm_avg": 2.2533533333333335,
  "fwhm_x": 2.41012,
  "fwhm_y": 1.96227,
  "fwhm_z": 2.38767,
  "icvs_csf": 0.3279873903331748,
  "icvs_gm": 0.16003983931371796,
  "icvs_wm": 0.5119727703531073,
  "inu_med": 1.3723344802856445,
  "inu_range": 0.6046463131904602,
  "provenance": {
    "md5sum": "4ce071cbba63d309d62e3624f0da5d3b",
    "settings": {
      "testing": false
    },
    "software": "mriqc",
    "version": "22.0.0rc1",
    "warnings": {
      "large_rot_frame": true,
      "small_air_mask": false
    },
    "webapi_port": null,
    "webapi_url": "https://mriqc.nimh.nih.gov/api/v1"
  },
  "qi_1": 1.7077948391903783e-06,
  "qi_2": 0.013752854296920277,
  "rpve_csf": 15.536722570436703,
  "rpve_gm": 37.58072684381974,
  "rpve_wm": 11.47085181939026,
  "size_x": 176,
  "size_y": 256,
  "size_z": 256,
  "snr_csf": 7.229820564617686,
  "snr_gm": 2.8320050171315327,
  "snr_total": 6.466428295749541,
  "snr_wm": 9.337459305499406,
  "snrd_csf": 47.69145089034926,
  "snrd_gm": 69.63070272795763,
  "snrd_total": 49.08087610016457,
  "snrd_wm": 29.920474682186832,
  "spacing_x": 1.0,
  "spacing_y": 1.0,
  "spacing_z": 1.0,
  "summary_bg_k": 13.618178788690983,
  "summary_bg_mad": 21.89592121636421,
  "summary_bg_mean": 31.112389723553292,
  "summary_bg_median": 14.768574431538582,
  "summary_bg_n": 3861061.0,
  "summary_bg_p05": 0.0,
  "summary_bg_p95": 102.92326098680496,
  "summary_bg_stdv": 36.20064000087866,
  "summary_csf_k": 0.6639646350713488,
  "summary_csf_mad": 213.54166464619118,
  "summary_csf_mean": 1612.955300070494,
  "summary_csf_median": 1593.9402651935816,
  "summary_csf_n": 23662.0,
  "summary_csf_p05": 1289.8903359174728,
  "summary_csf_p95": 1996.0337357603014,
  "summary_csf_stdv": 220.46281358661292,
  "summary_gm_k": 0.5816806586487102,
  "summary_gm_mad": 726.8542919246676,
  "summary_gm_mean": 2295.653184339242,
  "summary_gm_median": 2327.1923730522394,
  "summary_gm_n": 12711.0,
  "summary_gm_p05": 750.8373691663146,
  "summary_gm_p95": 3594.4730872884393,
  "summary_gm_stdv": 821.7149386093062,
  "summary_wm_k": 1.0624805612330146,
  "summary_wm_mad": 92.32403894322641,
  "summary_wm_mean": 993.0073059940405,
  "summary_wm_median": 999.9999676942825,
  "summary_wm_n": 202780.0,
  "summary_wm_p05": 801.1570995748043,
  "summary_wm_p95": 1155.9073926210403,
  "summary_wm_stdv": 107.09524606719935,
  "tpm_overlap_csf": 0.11360709369182587,
  "tpm_overlap_gm": 0.11096243560314178,
  "tpm_overlap_wm": 0.4378257691860199,
  "wm2max": 0.24375731413433932
}