{
  "bids_meta": {
    "DeviceSerialNumber": "45031",
    "DwellTime": 8.2e-06,
    "EchoTime": 0.00308,
    "FlipAngle": 9,
    "InstitutionAddress": "Washington Rd, Princeton, NJ 08540, USA",
    "InstitutionName": "Princeton University",
    "InstitutionalDepartmentName": "Princeton Neuroscience Institute",
    "InversionTime": 0.9,
    "MagneticFieldStrength": 3,
    "Manufacturer": "Siemens",
    "ManufacturersModelName": "Skyra",
    "ParallelReductionFactorInPlane": 2,
    "ParallelReductionType": "GRAPPA",
    "PartialFourier": 1,
    "PixelBandwidth": 240,
    "PulseSequenceDetails": "%SiemensSeq%_tfl",
    "PulseSequenceType": "MPRAGE",
    "ReceiveCoilActiveElements": "HE1-4",
    "ReceiveCoilName": "HeadNeck_20",
    "RepetitionTime": 2.3,
    "ScanOptions": "IR",
    "ScanningSequence": "GR_IR",
    "SequenceName": "_tfl3d1_16ns",
    "SequenceVariant": "SK_SP_MP",
    "SoftwareVersions": "syngo_MR_D11",
    "StationName": "AWP45031",
    "dataset": "ds002345",
    "modality": "T1w",
    "run_id": 1,
    "subject_id": "034"
  },
  "cjv": 0.5275796339923646,
  "cnr": 2.5432887867004648,
  "efc": 0.667952296447625,
  "fber": 1067.4034502950317,
  "fwhm_avg": 3.4667744453632454,
  "fwhm_x": 3.45531074497321,
  "fwhm_y": 3.665221818181818,
  "fwhm_z": 3.279790772934707,
  "icvs_csf": 0.19648459117836845,
  "icvs_gm": 0.40576675573555837,
  "icvs_wm": 0.3977486530860732,
  "inu_med": 1.3782663345336914,
  "inu_range": 0.6705534756183624,
  "provenance": {
    "md5sum": "bc84c5d1bcb58d43e0e0e5e718163160",
    "settings": {
      "testing": false
    },
    "software": "mriqc",
    "version": "21.0.0rc2",
    "warnings": {
      "large_rot_frame": true,
      "small_air_mask": false
    },
    "webapi_port": null,
    "webapi_url": "https://mriqc.nimh.nih.gov/api/v1"
  },
  "qi_1": 0.0,
  "qi_2": 0.004934460852660784,
  "rpve_csf": 16.800590815988535,
  "rpve_gm": 8.567800890464257,
  "rpve_wm": 10.733194651944485,
  "size_x": 192,
  "size_y": 256,
  "size_z": 256,
  "snr_csf": 2.4110852671192835,
  "snr_gm": 8.926552633305654,
  "snr_total": 8.826286774881906,
  "snr_wm": 15.141222424220777,
  "snrd_csf": 21.770760735786208,
  "snrd_gm": 38.865598324334634,
  "snrd_total": 37.965094797267795,
  "snrd_wm": 53.25892533168254,
  "spacing_x": 0.9000000953674316,
  "spacing_y": 0.859375,
  "spacing_z": 0.8593749403953552,
  "summary_bg_k": 512.3682221630877,
  "summary_bg_mad": 12.30189645822043,
  "summary_bg_mean": 18.325729494936425,
  "summary_bg_median": 16.74586983025074,
  "summary_bg_n": 2294477.0,
  "summary_bg_p05": 2.79097830504179,
  "summary_bg_p95": 39.752582885324955,
  "summary_bg_stdv": 15.704228751374568,
  "summary_csf_k": 24.16827962611945,
  "summary_csf_mad": 146.83990954221292,
  "summary_csf_mean": 411.7731683087742,
  "summary_csf_median": 408.80288984254,
  "summary_csf_n": 8576.0,
  "summary_csf_p05": 179.1694924067706,
  "summary_csf_p95": 630.7045230548829,
  "summary_csf_stdv": 169.54151750609842,
  "summary_gm_k": 0.3034728509918989,
  "summary_gm_mad": 78.50846648791583,
  "summary_gm_mean": 731.6325129108571,
  "summary_gm_median": 729.803110845387,
  "summary_gm_n": 27165.0,
  "summary_gm_p05": 601.2068996444344,
  "summary_gm_p95": 870.1817764043808,
  "summary_gm_stdv": 81.75492913307525,
  "summary_wm_k": 0.3384413206912793,
  "summary_wm_mad": 64.08169700509369,
  "summary_wm_mean": 1001.4182964143187,
  "summary_wm_median": 1000.0754153579473,
  "summary_wm_n": 403114.0,
  "summary_wm_p05": 895.7531722262502,
  "summary_wm_p95": 1111.9408430978656,
  "summary_wm_stdv": 66.04976447079584,
  "tpm_overlap_csf": 0.1414436399936676,
  "tpm_overlap_gm": 0.41352078318595886,
  "tpm_overlap_wm": 0.46119076013565063,
  "wm2max": 0.4343752047703296
}