{
  "aor": 0.0028551724137931035,
  "aqi": 0.005471240223123732,
  "bids_meta": {
    "CogAtlasID": "https://www.cognitiveatlas.org/task/id/trm_4c8991fadfe01",
    "DeviceSerialNumber": "66018",
    "DwellTime": 4.2e-06,
    "EchoTime": 0.039,
    "EffectiveEchoSpacing": 0.000929976,
    "FlipAngle": 50,
    "InstitutionAddress": "Washington Rd, Princeton, NJ 08540, USA",
    "InstitutionName": "Princeton University",
    "InstitutionalDepartmentName": "Princeton Neuroscience Institute",
    "MagneticFieldStrength": 3,
    "Manufacturer": "Siemens",
    "ManufacturersModelName": "Prisma",
    "NumberOfVolumesDiscardedByScanner": 3,
    "ParallelReductionType": "GRAPPA",
    "PartialFourier": 0.75,
    "PhaseEncodingDirection": "j-",
    "PixelBandwidth": 1240,
    "PulseSequenceDetails": "%CustomerSeq%_ep2d_bold_sms_mgh_v22",
    "PulseSequenceType": "Gradient Echo EPI",
    "ReceiveCoilActiveElements": "HC1-7;NC1,2",
    "ReceiveCoilName": "HeadNeck_64",
    "RepetitionTime": 1.5,
    "ScanOptions": "PFP_FS",
    "ScanningSequence": "EP",
    "SequenceName": "epfSM2d1_96",
    "SequenceVariant": "SK",
    "SliceTiming": [
      0.6925,
      0,
      0.79,
      0.1,
      0.8875,
      0.1975,
      0.9875,
      0.2975,
      1.085,
      0.395,
      1.185,
      0.495,
      1.2825,
      0.5925,
      1.3825,
      0.6925,
      0,
      0.79,
      0.1,
      0.8875,
      0.1975,
      0.9875,
      0.2975,
      1.085,
      0.395,
      1.185,
      0.495,
      1.2825,
      0.5925,
      1.3825,
      0.6925,
      0,
      0.79,
      0.1,
      0.8875,
      0.1975,
      0.9875,
      0.2975,
      1.085,
      0.395,
      1.185,
      0.495,
      1.2825,
      0.5925,
      1.3825,
      0.6925,
      0,
      0.79,
      0.1,
      0.8875,
      0.1975,
      0.9875,
      0.2975,
      1.085,
      0.395,
      1.185,
      0.495,
      1.2825,
      0.5925,
      1.3825
    ],
    "SoftwareVersions": "syngo_MR_D13D",
    "StationName": "AWP66018",
    "TaskDescription": "Passively listened to audio story 'schema'",
    "TaskName": "schema",
    "TotalReadoutTime": 0.0883478,
    "dataset": "ds002345",
    "modality": "bold",
    "run_id": 2,
    "subject_id": "188",
    "task_id": "schema"
  },
  "dummy_trs": 2,
  "dvars_nstd": 36.29021068487802,
  "dvars_std": 1.1441367716666668,
  "dvars_vstd": 1.0235696014024387,
  "efc": 0.5741540303135511,
  "fber": 221.88510131835938,
  "fd_mean": 0.1464507442550297,
  "fd_num": 65,
  "fd_perc": 13.184584178498985,
  "fwhm_avg": 3.0392999999999994,
  "fwhm_x": 2.860395,
  "fwhm_y": 3.157415,
  "fwhm_z": 3.10009,
  "gcor": 0.02019,
  "gsr_x": 0.014218739233911037,
  "gsr_y": 0.03173818066716194,
  "provenance": {
    "md5sum": "b80dc6fb0005a016ca340d4f1cfaacc6",
    "settings": {
      "fd_thres": 0.2,
      "testing": false
    },
    "software": "mriqc",
    "version": "22.0.6",
    "webapi_port": null,
    "webapi_url": "https://mriqc.nimh.nih.gov/api/v1"
  },
  "size_t": 493,
  "size_x": 96,
  "size_y": 96,
  "size_z": 60,
  "snr": 1.8017597636474325,
  "spacing_tr": 1.5,
  "spacing_x": 2.0,
  "spacing_y": 2.0,
  "spacing_z": 2.0,
  "summary_bg_k": 52.33371985497792,
  "summary_bg_mad": 13.614080950856422,
  "summary_bg_mean": 56.32503890991211,
  "summary_bg_median": 35.25963592529297,
  "summary_bg_n": 314197.0,
  "summary_bg_p05": 23.732250213623047,
  "summary_bg_p95": 158.06084899902356,
  "summary_bg_stdv": 62.976661682128906,
  "summary_fg_k": 5.09275986584705,
  "summary_fg_mad": 240.52737021199562,
  "summary_fg_mean": 606.53271484375,
  "summary_fg_median": 541.7403564453125,
  "summary_fg_n": 149238.0,
  "summary_fg_p05": 266.39492950439455,
  "summary_fg_p95": 1171.1551330566404,
  "summary_fg_stdv": 300.6719055175781,
  "tsnr": 39.697041222592816
}