{
  "aor": 0.0007273983739837399,
  "aqi": 0.006391915479674796,
  "bids_meta": {
    "CogAtlasID": "https://www.cognitiveatlas.org/task/id/trm_4c8991fadfe01",
    "DeviceSerialNumber": "45031",
    "DwellTime": 4.9e-06,
    "EchoTime": 0.028,
    "EffectiveEchoSpacing": 0.000355001,
    "FlipAngle": 64,
    "InstitutionAddress": "Washington Rd, Princeton, NJ 08540, USA",
    "InstitutionName": "Princeton University",
    "InstitutionalDepartmentName": "Princeton Neuroscience Institute",
    "MagneticFieldStrength": 3,
    "Manufacturer": "Siemens",
    "ManufacturersModelName": "Skyra",
    "NumberOfVolumesDiscardedByScanner": 3,
    "ParallelReductionFactorInPlane": 2,
    "ParallelReductionType": "GRAPPA",
    "PartialFourier": 1,
    "PhaseEncodingDirection": "j-",
    "PixelBandwidth": 1595,
    "PulseSequenceDetails": "%SiemensSeq%_ep2d_bold",
    "PulseSequenceType": "Gradient Echo EPI",
    "ReceiveCoilActiveElements": "HE1-4",
    "ReceiveCoilName": "HeadNeck_20",
    "RepetitionTime": 1.5,
    "ScanOptions": "FS",
    "ScanningSequence": "EP",
    "SequenceName": "_epfid2d1_64",
    "SequenceVariant": "SK",
    "SliceTiming": [
      0,
      0.7675,
      0.055,
      0.8225,
      0.1075,
      0.875,
      0.1625,
      0.93,
      0.2175,
      0.985,
      0.2725,
      1.04,
      0.3275,
      1.095,
      0.3825,
      1.15,
      0.4375,
      1.205,
      0.4925,
      1.26,
      0.5475,
      1.315,
      0.6025,
      1.37,
      0.6575,
      1.425,
      0.7125
    ],
    "SoftwareVersions": "syngo_MR_D13",
    "StationName": "AWP45031",
    "TaskDescription": "Passively listened to audio story 'merlin'",
    "TaskName": "merlin",
    "TotalReadoutTime": 0.022365,
    "dataset": "ds002345",
    "modality": "bold",
    "subject_id": "154",
    "task_id": "merlin"
  },
  "dummy_trs": 0,
  "dvars_nstd": 24.26057964053747,
  "dvars_std": 1.2580426476872972,
  "dvars_vstd": 1.0078456800162878,
  "efc": 0.5531469402828565,
  "fber": 2110.291748046875,
  "fd_mean": 0.12906307921479465,
  "fd_num": 42,
  "fd_perc": 6.829268292682927,
  "fwhm_avg": 1.6697186111111109,
  "fwhm_x": 1.5804366666666667,
  "fwhm_y": 1.8850266666666666,
  "fwhm_z": 1.5436925,
  "gcor": 0.0142643,
  "gsr_x": -0.011653541587293148,
  "gsr_y": 0.043151579797267914,
  "provenance": {
    "md5sum": "ddd2d294ff5db4853a1aa7826606998a",
    "settings": {
      "fd_thres": 0.2,
      "testing": false
    },
    "software": "mriqc",
    "version": "22.0.0rc1",
    "webapi_port": null,
    "webapi_url": "https://mriqc.nimh.nih.gov/api/v1"
  },
  "size_t": 615,
  "size_x": 64,
  "size_y": 64,
  "size_z": 27,
  "snr": 7.077595191068156,
  "spacing_tr": 1.5,
  "spacing_x": 3.0,
  "spacing_y": 3.0,
  "spacing_z": 4.0,
  "summary_bg_k": 23.488274832939073,
  "summary_bg_mad": 7.977124032095002,
  "summary_bg_mean": 30.58377456665039,
  "summary_bg_median": 13.320324897766113,
  "summary_bg_n": 59581.0,
  "summary_bg_p05": 6.6991868019104,
  "summary_bg_p95": 106.92845153808594,
  "summary_bg_stdv": 51.261505126953125,
  "summary_fg_k": 2.3748372873348123,
  "summary_fg_mad": 84.9760737001474,
  "summary_fg_mean": 640.4573364257812,
  "summary_fg_median": 631.209716796875,
  "summary_fg_n": 23913.0,
  "summary_fg_p05": 519.9687744140625,
  "summary_fg_p95": 787.9619384765623,
  "summary_fg_stdv": 89.18234252929688,
  "tsnr": 73.47667739749886
}