{
  "bids_meta": {
    "DeviceSerialNumber": "66018",
    "DwellTime": 9.8e-06,
    "EchoTime": 0.00267,
    "FlipAngle": 7,
    "InstitutionAddress": "Washington Rd, Building 25, Princeton, NJ 08540, USA",
    "InstitutionName": "Princeton University",
    "InstitutionalDepartmentName": "Princeton Neuroscience Institute",
    "InversionTime": 1.2,
    "MagneticFieldStrength": 3,
    "Manufacturer": "Siemens",
    "ManufacturersModelName": "Prisma",
    "ParallelReductionFactorInPlane": 2,
    "ParellelReductionType": "TODO",
    "PartialFourier": 1,
    "PixelBandwidth": 200,
    "PulseSequenceDetails": "%SiemensSeq%_tfl",
    "PulseSequenceType": "MPRAGE",
    "ReceiveCoilActiveElements": "HC1-7;NC1",
    "ReceiveCoilName": "HeadNeck_64",
    "RepetitionTime": 2.53,
    "ScanOptions": "IR",
    "ScanningSequence": "GR_IR",
    "SequenceName": "_tfl3d1_16",
    "SequenceVariant": "SK_SP_MP",
    "SoftwareVersions": "syngo_MR_D13D",
    "StationName": "AWP66018",
    "dataset": "ds002345",
    "modality": "T1w",
    "run_id": 2,
    "subject_id": "201"
  },
  "cjv": 0.40758303196526,
  "cnr": 3.1260793795100157,
  "efc": 0.580555922184814,
  "fber": 333.1106124579551,
  "fwhm_avg": 3.8120333333333334,
  "fwhm_x": 3.7025,
  "fwhm_y": 3.8737,
  "fwhm_z": 3.8599,
  "icvs_csf": 0.1972946138787188,
  "icvs_gm": 0.41376908431376436,
  "icvs_wm": 0.3889363018075168,
  "inu_med": 1.3027799129486084,
  "inu_range": 0.617737990617752,
  "provenance": {
    "md5sum": "0ecc53362936dd6b47f1759502b56af6",
    "settings": {
      "testing": false
    },
    "software": "mriqc",
    "version": "22.0.0rc1",
    "warnings": {
      "large_rot_frame": true,
      "small_air_mask": false
    },
    "webapi_port": null,
    "webapi_url": "https://mriqc.nimh.nih.gov/api/v1"
  },
  "qi_1": 0.0,
  "qi_2": 0.0029750101537543597,
  "rpve_csf": 25.719857797205865,
  "rpve_gm": 12.952360913916877,
  "rpve_wm": 16.999774392008728,
  "size_x": 176,
  "size_y": 256,
  "size_z": 256,
  "snr_csf": 3.120534154336768,
  "snr_gm": 11.220308882119856,
  "snr_total": 11.261610420553268,
  "snr_wm": 19.44398822520318,
  "snrd_csf": 13.619104437328287,
  "snrd_gm": 21.1410192407763,
  "snrd_total": 21.218959699751263,
  "snrd_wm": 28.896755421149198,
  "spacing_x": 1.0,
  "spacing_y": 1.0,
  "spacing_z": 1.0,
  "summary_bg_k": 1.2149060930849531,
  "summary_bg_mad": 22.673179175154054,
  "summary_bg_mean": 41.07372325046151,
  "summary_bg_median": 39.020710937678814,
  "summary_bg_n": 3628498.0,
  "summary_bg_p05": 9.600877910852432,
  "summary_bg_p95": 79.41297586262226,
  "summary_bg_stdv": 21.796245809267198,
  "summary_csf_k": 14.65297386945928,
  "summary_csf_mad": 119.97467007480621,
  "summary_csf_mean": 448.3452594979553,
  "summary_csf_median": 471.3345277234912,
  "summary_csf_n": 5477.0,
  "summary_csf_p05": 198.60101735591888,
  "summary_csf_p95": 622.2191818624734,
  "summary_csf_stdv": 151.02911037629747,
  "summary_gm_k": 0.1943794828772094,
  "summary_gm_mad": 63.74925265839279,
  "summary_gm_mean": 730.4360960118946,
  "summary_gm_median": 731.6554745063186,
  "summary_gm_n": 24381.0,
  "summary_gm_p05": 621.3139562308788,
  "summary_gm_p95": 836.4421991333365,
  "summary_gm_stdv": 65.20680289776932,
  "summary_wm_k": 2.5287444488845043,
  "summary_wm_mad": 45.65137869795592,
  "summary_wm_mean": 1004.2146161875936,
  "summary_wm_median": 1000.0685898140073,
  "summary_wm_n": 208997.0,
  "summary_wm_p05": 929.1592486724257,
  "summary_wm_p95": 1091.5512407645583,
  "summary_wm_stdv": 51.43318262103937,
  "tpm_overlap_csf": 0.13973712921142578,
  "tpm_overlap_gm": 0.42323723435401917,
  "tpm_overlap_wm": 0.49328574538230896,
  "wm2max": 0.37921425833128075
}