{
  "aor": 0.0022556997971602435,
  "aqi": 0.006799020365111562,
  "bids_meta": {
    "CogAtlasID": "https://www.cognitiveatlas.org/task/id/trm_4c8991fadfe01",
    "DeviceSerialNumber": "66018",
    "DwellTime": 4.2e-06,
    "EchoTime": 0.039,
    "EffectiveEchoSpacing": 0.000929976,
    "FlipAngle": 50,
    "InstitutionAddress": "Washington Rd, Princeton, NJ 08540, USA",
    "InstitutionName": "Princeton University",
    "InstitutionalDepartmentName": "Princeton Neuroscience Institute",
    "MagneticFieldStrength": 3,
    "Manufacturer": "Siemens",
    "ManufacturersModelName": "Prisma",
    "NumberOfVolumesDiscardedByScanner": 3,
    "ParallelReductionType": "GRAPPA",
    "PartialFourier": 0.75,
    "PhaseEncodingDirection": "j-",
    "PixelBandwidth": 1240,
    "PulseSequenceDetails": "%CustomerSeq%_ep2d_bold_sms_mgh_v22",
    "PulseSequenceType": "Gradient Echo EPI",
    "ReceiveCoilActiveElements": "HC1-7;NC1,2",
    "ReceiveCoilName": "HeadNeck_64",
    "RepetitionTime": 1.5,
    "ScanOptions": "PFP_FS",
    "ScanningSequence": "EP",
    "SequenceName": "epfSM2d1_96",
    "SequenceVariant": "SK",
    "SliceTiming": [
      0.6925,
      0,
      0.79,
      0.1,
      0.8875,
      0.1975,
      0.9875,
      0.2975,
      1.085,
      0.395,
      1.185,
      0.495,
      1.2825,
      0.5925,
      1.3825,
      0.6925,
      0,
      0.79,
      0.1,
      0.8875,
      0.1975,
      0.9875,
      0.2975,
      1.085,
      0.395,
      1.185,
      0.495,
      1.2825,
      0.5925,
      1.3825,
      0.6925,
      0,
      0.79,
      0.1,
      0.8875,
      0.1975,
      0.9875,
      0.2975,
      1.085,
      0.395,
      1.185,
      0.495,
      1.2825,
      0.5925,
      1.3825,
      0.6925,
      0,
      0.79,
      0.1,
      0.8875,
      0.1975,
      0.9875,
      0.2975,
      1.085,
      0.395,
      1.185,
      0.495,
      1.2825,
      0.5925,
      1.3825
    ],
    "SoftwareVersions": "syngo_MR_D13D",
    "StationName": "AWP66018",
    "TaskDescription": "Passively listened to audio story 'schema'",
    "TaskName": "schema",
    "TotalReadoutTime": 0.0883478,
    "dataset": "ds002345",
    "modality": "bold",
    "run_id": 1,
    "subject_id": "184",
    "task_id": "schema"
  },
  "dummy_trs": 2,
  "dvars_nstd": 31.404789618495915,
  "dvars_std": 1.0404411118089432,
  "dvars_vstd": 0.999496617723577,
  "efc": 0.5852534548676772,
  "fber": 322.8411560058594,
  "fd_mean": 0.13400082025507493,
  "fd_num": 51,
  "fd_perc": 10.344827586206897,
  "fwhm_avg": 2.8707949999999998,
  "fwhm_x": 2.67657,
  "fwhm_y": 3.117125,
  "fwhm_z": 2.81869,
  "gcor": 0.0163077,
  "gsr_x": 0.00438081007450819,
  "gsr_y": 0.054546505212783813,
  "provenance": {
    "md5sum": "10291881b5df9f7e3253d4d19abad292",
    "settings": {
      "fd_thres": 0.2,
      "testing": false
    },
    "software": "mriqc",
    "version": "22.0.0rc1",
    "webapi_port": null,
    "webapi_url": "https://mriqc.nimh.nih.gov/api/v1"
  },
  "size_t": 493,
  "size_x": 96,
  "size_y": 96,
  "size_z": 60,
  "snr": 2.5947726236699276,
  "spacing_tr": 1.5,
  "spacing_x": 2.0,
  "spacing_y": 2.0,
  "spacing_z": 2.0,
  "summary_bg_k": 33.05083998719648,
  "summary_bg_mad": 7.587435049283923,
  "summary_bg_mean": 41.98735427856445,
  "summary_bg_median": 25.77687644958496,
  "summary_bg_n": 325214.0,
  "summary_bg_p05": 19.28397560119629,
  "summary_bg_p95": 117.96551513671875,
  "summary_bg_stdv": 45.470699310302734,
  "summary_fg_k": 1.2156135815081894,
  "summary_fg_mad": 172.43446999596688,
  "summary_fg_mean": 505.90313720703125,
  "summary_fg_median": 478.6308288574219,
  "summary_fg_n": 140278.0,
  "summary_fg_p05": 258.5450149536133,
  "summary_fg_p95": 841.4438873291014,
  "summary_fg_stdv": 184.458984375,
  "tsnr": 38.27011150214821
}