{
  "aor": 0.000774800796812749,
  "aqi": 0.008269898247011952,
  "bids_meta": {
    "CogAtlasID": "https://www.cognitiveatlas.org/task/id/trm_4c8991fadfe01",
    "DeviceSerialNumber": "66018",
    "DwellTime": 4.2e-06,
    "EchoTime": 0.039,
    "EffectiveEchoSpacing": 0.000929976,
    "FlipAngle": 50,
    "InstitutionAddress": "Washington Rd, Princeton, NJ 08540, USA",
    "InstitutionName": "Princeton University",
    "InstitutionalDepartmentName": "Princeton Neuroscience Institute",
    "MagneticFieldStrength": 3,
    "Manufacturer": "Siemens",
    "ManufacturersModelName": "Prisma",
    "NumberOfVolumesDiscardedByScanner": 3,
    "ParallelReductionType": "GRAPPA",
    "PartialFourier": 0.75,
    "PhaseEncodingDirection": "j-",
    "PixelBandwidth": 1240,
    "PulseSequenceDetails": "%CustomerSeq%_ep2d_bold_sms_mgh_v22",
    "PulseSequenceType": "Gradient Echo EPI",
    "ReceiveCoilActiveElements": "HC1-7;NC1,2",
    "ReceiveCoilName": "HeadNeck_64",
    "RepetitionTime": 1.5,
    "ScanOptions": "PFP_FS",
    "ScanningSequence": "EP",
    "SequenceName": "epfSM2d1_96",
    "SequenceVariant": "SK",
    "SliceTiming": [
      0.6925,
      0,
      0.79,
      0.1,
      0.8875,
      0.1975,
      0.9875,
      0.2975,
      1.085,
      0.395,
      1.185,
      0.495,
      1.2825,
      0.5925,
      1.3825,
      0.6925,
      0,
      0.79,
      0.1,
      0.8875,
      0.1975,
      0.9875,
      0.2975,
      1.085,
      0.395,
      1.185,
      0.495,
      1.2825,
      0.5925,
      1.3825,
      0.6925,
      0,
      0.79,
      0.1,
      0.8875,
      0.1975,
      0.9875,
      0.2975,
      1.085,
      0.395,
      1.185,
      0.495,
      1.2825,
      0.5925,
      1.3825,
      0.6925,
      0,
      0.79,
      0.1,
      0.8875,
      0.1975,
      0.9875,
      0.2975,
      1.085,
      0.395,
      1.185,
      0.495,
      1.2825,
      0.5925,
      1.3825
    ],
    "SoftwareVersions": "syngo_MR_D13D",
    "StationName": "AWP66018",
    "TaskDescription": "Passively listened to audio story 'schema'",
    "TaskName": "schema",
    "TotalReadoutTime": 0.0883478,
    "dataset": "ds002345",
    "modality": "bold",
    "run_id": 4,
    "subject_id": "184",
    "task_id": "schema"
  },
  "dummy_trs": 0,
  "dvars_nstd": 29.795436432634716,
  "dvars_std": 1.0064506842115772,
  "dvars_vstd": 0.979475609341317,
  "efc": 0.5913520899915222,
  "fber": 271.0478515625,
  "fd_mean": 0.134177817712357,
  "fd_num": 75,
  "fd_perc": 14.9402390438247,
  "fwhm_avg": 2.881451666666667,
  "fwhm_x": 2.666085,
  "fwhm_y": 3.098595,
  "fwhm_z": 2.879675,
  "gcor": 0.0118339,
  "gsr_x": 0.006427868735045195,
  "gsr_y": 0.056135356426239014,
  "provenance": {
    "md5sum": "08ea7b2858add0c102affb07411d960a",
    "settings": {
      "fd_thres": 0.2,
      "testing": false
    },
    "software": "mriqc",
    "version": "22.0.0rc1",
    "webapi_port": null,
    "webapi_url": "https://mriqc.nimh.nih.gov/api/v1"
  },
  "size_t": 502,
  "size_x": 96,
  "size_y": 96,
  "size_z": 60,
  "snr": 2.612935651027375,
  "spacing_tr": 1.5,
  "spacing_x": 2.0,
  "spacing_y": 2.0,
  "spacing_z": 2.0,
  "summary_bg_k": 33.76391168823754,
  "summary_bg_mad": 6.913888970005857,
  "summary_bg_mean": 43.79209518432617,
  "summary_bg_median": 27.543825149536133,
  "summary_bg_n": 326347.0,
  "summary_bg_p05": 21.6752986907959,
  "summary_bg_p95": 121.3539863586426,
  "summary_bg_stdv": 45.71049118041992,
  "summary_fg_k": 1.0848983068007652,
  "summary_fg_mad": 168.89851709443727,
  "summary_fg_mean": 495.3991394042969,
  "summary_fg_median": 469.65142822265625,
  "summary_fg_n": 139598.0,
  "summary_fg_p05": 254.45378723144532,
  "summary_fg_p95": 823.4421752929686,
  "summary_fg_stdv": 179.74026489257812,
  "tsnr": 37.77340287016705
}