{
  "bids_meta": {
    "DeviceSerialNumber": "45031",
    "DwellTime": 8.2e-06,
    "EchoTime": 0.00308,
    "FlipAngle": 9,
    "InstitutionAddress": "Washington Rd, Princeton, NJ 08540, USA",
    "InstitutionName": "Princeton University",
    "InstitutionalDepartmentName": "Princeton Neuroscience Institute",
    "InversionTime": 0.9,
    "MagneticFieldStrength": 3,
    "Manufacturer": "Siemens",
    "ManufacturersModelName": "Skyra",
    "ParallelReductionFactorInPlane": 2,
    "ParallelReductionType": "GRAPPA",
    "PartialFourier": 1,
    "PixelBandwidth": 240,
    "PulseSequenceDetails": "%SiemensSeq%_tfl",
    "PulseSequenceType": "MPRAGE",
    "ReceiveCoilActiveElements": "HE1-4",
    "ReceiveCoilName": "HeadNeck_20",
    "RepetitionTime": 2.3,
    "ScanOptions": "IR",
    "ScanningSequence": "GR_IR",
    "SequenceName": "_tfl3d1_16ns",
    "SequenceVariant": "SK_SP_MP",
    "SoftwareVersions": "syngo_MR_D11",
    "StationName": "AWP45031",
    "dataset": "ds002345",
    "modality": "T1w",
    "subject_id": "031"
  },
  "cjv": 0.43409662313461567,
  "cnr": 3.0136914039159515,
  "efc": 0.5903130547830531,
  "fber": 1036.1343666729217,
  "fwhm_avg": 3.2221737866722857,
  "fwhm_x": 3.241921878695819,
  "fwhm_y": 3.417111272727273,
  "fwhm_z": 3.007488208593765,
  "icvs_csf": 0.1726720390816136,
  "icvs_gm": 0.43951686845343535,
  "icvs_wm": 0.387811092464951,
  "inu_med": 1.308905839920044,
  "inu_range": 0.5119266867637635,
  "provenance": {
    "md5sum": "29bac046b00706ac0d97bf26f10d8ede",
    "settings": {
      "testing": false
    },
    "software": "mriqc",
    "version": "21.0.0rc2",
    "warnings": {
      "large_rot_frame": true,
      "small_air_mask": false
    },
    "webapi_port": null,
    "webapi_url": "https://mriqc.nimh.nih.gov/api/v1"
  },
  "qi_1": 0.0,
  "qi_2": 0.005378459152100142,
  "rpve_csf": 24.799932816003306,
  "rpve_gm": 10.93679347917346,
  "rpve_wm": 14.672751215440057,
  "size_x": 192,
  "size_y": 256,
  "size_z": 256,
  "snr_csf": 1.6128398748762467,
  "snr_gm": 9.570110537945363,
  "snr_total": 9.14089188114867,
  "snr_wm": 16.2397252306244,
  "snrd_csf": 18.29743529434914,
  "snrd_gm": 33.995902181779286,
  "snrd_total": 33.45614625237814,
  "snrd_wm": 48.075101281005985,
  "spacing_x": 0.9000000953674316,
  "spacing_y": 0.859375,
  "spacing_z": 0.8593749403953552,
  "summary_bg_k": 1.6993381404454952,
  "summary_bg_mad": 13.627353414678893,
  "summary_bg_mean": 22.147323560084008,
  "summary_bg_median": 18.745843172073364,
  "summary_bg_n": 3045122.0,
  "summary_bg_p05": 3.0839935541152954,
  "summary_bg_p95": 47.892605781555176,
  "summary_bg_stdv": 13.849058583634127,
  "summary_csf_k": 36.644751572313204,
  "summary_csf_mad": 167.74196209779086,
  "summary_csf_mean": 395.48572076260734,
  "summary_csf_median": 380.6010868549347,
  "summary_csf_n": 8683.0,
  "summary_csf_p05": 173.9130482673645,
  "summary_csf_p95": 615.274855184555,
  "summary_csf_stdv": 235.96835352434098,
  "summary_gm_k": 0.4563538156884861,
  "summary_gm_mad": 68.94364984136888,
  "summary_gm_mean": 709.4319486590084,
  "summary_gm_median": 707.1415808200836,
  "summary_gm_n": 25711.0,
  "summary_gm_p05": 591.2197054624557,
  "summary_gm_p95": 836.4274282455444,
  "summary_gm_stdv": 73.88920181749893,
  "summary_wm_k": 0.4351964560203725,
  "summary_wm_mad": 58.18521293504344,
  "summary_wm_mean": 997.491330993098,
  "summary_wm_median": 1000.0000275373459,
  "summary_wm_n": 282032.0,
  "summary_wm_p05": 891.0927257537842,
  "summary_wm_p95": 1093.8501843214035,
  "summary_wm_stdv": 61.57728905421915,
  "tpm_overlap_csf": 0.15819372236728668,
  "tpm_overlap_gm": 0.4219772219657898,
  "tpm_overlap_wm": 0.4845161437988281,
  "wm2max": 0.4668435762075488
}