{
  "aor": 0.0010316545454545456,
  "aqi": 0.012631962836363636,
  "bids_meta": {
    "AcquisitionMatrixPE": 96,
    "BandwidthPerPixelPhaseEncode": 20.425,
    "BaseResolution": 96,
    "BodyPartExamined": "BRAIN",
    "ConsistencyInfo": "N4_VE11C_LATEST_20160120",
    "ConversionSoftware": "dcm2niix",
    "ConversionSoftwareVersion": "v1.0.20180328 GCC6.3.0",
    "DerivedVendorReportedEchoSpacing": 0.000509996,
    "DeviceSerialNumber": "66018",
    "DwellTime": 2.1e-06,
    "EchoTime": 0.031,
    "EchoTrainLength": 96,
    "EffectiveEchoSpacing": 0.000509996,
    "FlipAngle": 67,
    "ImageOrientationPatientDICOM": [
      1,
      0,
      0,
      0,
      1,
      0
    ],
    "ImageType": [
      "ORIGINAL",
      "PRIMARY",
      "M",
      "ND",
      "NORM",
      "MOSAIC"
    ],
    "InPlanePhaseEncodingDirectionDICOM": "COL",
    "InstitutionAddress": "Washington Rd, Princeton, NJ 08540, USA",
    "InstitutionName": "Princeton University",
    "InstitutionalDepartmentName": "Princeton Neuroscience Institute",
    "MRAcquisitionType": "2D",
    "MagneticFieldStrength": 3,
    "Manufacturer": "Siemens",
    "ManufacturersModelName": "Prisma",
    "Modality": "MR",
    "MultibandAccelerationFactor": 3,
    "NumberOfVolumesDiscardedByScanner": 3,
    "PartialFourier": 1,
    "PatientPosition": "HFS",
    "PercentPhaseFOV": 100,
    "PhaseEncodingDirection": "j-",
    "PhaseEncodingSteps": 96,
    "PhaseResolution": 1,
    "PixelBandwidth": 2480,
    "ProcedureStepDescription": "Hasson_Nastase_042518_Storyteller",
    "ProtocolName": "func_task-black",
    "PulseSequenceDetails": "%SiemensSeq%_ep2d_bold",
    "ReceiveCoilActiveElements": "HC1-7;NC1,2",
    "ReceiveCoilName": "HeadNeck_64",
    "ReconMatrixPE": 96,
    "RepetitionTime": 1.5,
    "SAR": 0.0462664,
    "ScanOptions": "FS",
    "ScanningSequence": "EP",
    "SequenceName": "_epfid2d1_96",
    "SequenceVariant": "SK",
    "SeriesDescription": "func_task-black",
    "SeriesNumber": 13,
    "ShimSetting": [
      721,
      533,
      2078,
      479,
      -43,
      227,
      222,
      4
    ],
    "SliceThickness": 2.5,
    "SliceTiming": [
      1.11,
      0,
      0.74,
      0.0925,
      0.8325,
      0.185,
      0.925,
      0.2775,
      1.0175,
      0.4625,
      1.2025,
      0.555,
      1.295,
      0.6475,
      1.3875,
      0.37,
      1.11,
      0,
      0.74,
      0.0925,
      0.8325,
      0.185,
      0.925,
      0.2775,
      1.0175,
      0.4625,
      1.2025,
      0.555,
      1.295,
      0.6475,
      1.3875,
      0.37,
      1.11,
      0,
      0.74,
      0.0925,
      0.8325,
      0.185,
      0.925,
      0.2775,
      1.0175,
      0.4625,
      1.2025,
      0.555,
      1.295,
      0.6475,
      1.3875,
      0.37
    ],
    "SoftwareVersions": "syngo_MR_E11",
    "SpacingBetweenSlices": 2.5,
    "StationName": "AWP66018",
    "TaskDescription": "Passively listened to audio story 'black'",
    "TaskName": "black",
    "TotalReadoutTime": 0.0484496,
    "TxRefAmp": 252.391,
    "dataset": "ds002345",
    "modality": "bold",
    "subject_id": "298",
    "task_id": "black"
  },
  "dummy_trs": 0,
  "dvars_nstd": 26.782549957012744,
  "dvars_std": 1.1455703966302357,
  "dvars_vstd": 0.9834893087613837,
  "efc": 0.48299211141235765,
  "fber": 2844.74658203125,
  "fd_mean": 0.1372527761373178,
  "fd_num": 46,
  "fd_perc": 8.363636363636363,
  "fwhm_avg": 1.849424,
  "fwhm_x": 1.7308679999999999,
  "fwhm_y": 2.057384,
  "fwhm_z": 1.7600200000000001,
  "gcor": 0.0122331,
  "gsr_x": -0.016427839174866676,
  "gsr_y": 0.03327050805091858,
  "provenance": {
    "md5sum": "88320ea8ef8d2a964a0bcc28ffc875c3",
    "settings": {
      "fd_thres": 0.2,
      "testing": false
    },
    "software": "mriqc",
    "version": "22.0.0rc1",
    "webapi_port": null,
    "webapi_url": "https://mriqc.nimh.nih.gov/api/v1"
  },
  "size_t": 550,
  "size_x": 96,
  "size_y": 96,
  "size_z": 48,
  "snr": 6.220754202677801,
  "spacing_tr": 1.5,
  "spacing_x": 2.5,
  "spacing_y": 2.5,
  "spacing_z": 2.5,
  "summary_bg_k": 18.579165478229825,
  "summary_bg_mad": 8.011444103935085,
  "summary_bg_mean": 35.3411979675293,
  "summary_bg_median": 12.870908737182617,
  "summary_bg_n": 310471.0,
  "summary_bg_p05": 6.119999885559082,
  "summary_bg_p95": 148.90636444091797,
  "summary_bg_stdv": 61.22623825073242,
  "summary_fg_k": 3.3247065601379377,
  "summary_fg_mad": 96.10219617157803,
  "summary_fg_mean": 693.3817749023438,
  "summary_fg_median": 693.7472534179688,
  "summary_fg_n": 69811.0,
  "summary_fg_p05": 532.286376953125,
  "summary_fg_p95": 864.2263488769531,
  "summary_fg_stdv": 111.5206069946289,
  "tsnr": 51.335563380271196
}