{
  "aor": 0.00112225641025641,
  "aqi": 0.011496320897435899,
  "bids_meta": {
    "AcquisitionMatrixPE": 96,
    "BandwidthPerPixelPhaseEncode": 20.425,
    "BaseResolution": 96,
    "BodyPartExamined": "BRAIN",
    "ConsistencyInfo": "N4_VE11C_LATEST_20160120",
    "ConversionSoftware": "dcm2niix",
    "ConversionSoftwareVersion": "v1.0.20180328 GCC6.3.0",
    "DerivedVendorReportedEchoSpacing": 0.000509996,
    "DeviceSerialNumber": "66018",
    "DwellTime": 2.1e-06,
    "EchoTime": 0.031,
    "EchoTrainLength": 96,
    "EffectiveEchoSpacing": 0.000509996,
    "FlipAngle": 67,
    "ImageOrientationPatientDICOM": [
      1,
      0,
      0,
      0,
      1,
      0
    ],
    "ImageType": [
      "ORIGINAL",
      "PRIMARY",
      "M",
      "ND",
      "NORM",
      "MOSAIC"
    ],
    "InPlanePhaseEncodingDirectionDICOM": "COL",
    "InstitutionAddress": "Washington Rd, Princeton, NJ 08540, USA",
    "InstitutionName": "Princeton University",
    "InstitutionalDepartmentName": "Princeton Neuroscience Institute",
    "MRAcquisitionType": "2D",
    "MagneticFieldStrength": 3,
    "Manufacturer": "Siemens",
    "ManufacturersModelName": "Prisma",
    "Modality": "MR",
    "MultibandAccelerationFactor": 3,
    "NumberOfVolumesDiscardedByScanner": 3,
    "PartialFourier": 1,
    "PatientPosition": "HFS",
    "PercentPhaseFOV": 100,
    "PhaseEncodingDirection": "j-",
    "PhaseEncodingSteps": 96,
    "PhaseResolution": 1,
    "PixelBandwidth": 2480,
    "ProcedureStepDescription": "Hasson_Nastase_042518_Storyteller",
    "ProtocolName": "func_task-bronx",
    "PulseSequenceDetails": "%SiemensSeq%_ep2d_bold",
    "ReceiveCoilActiveElements": "HC1-7;NC1,2",
    "ReceiveCoilName": "HeadNeck_64",
    "ReconMatrixPE": 96,
    "RepetitionTime": 1.5,
    "SAR": 0.0462415,
    "ScanOptions": "FS",
    "ScanningSequence": "EP",
    "SequenceName": "_epfid2d1_96",
    "SequenceVariant": "SK",
    "SeriesDescription": "func_task-bronx",
    "SeriesNumber": 7,
    "ShimSetting": [
      721,
      533,
      2078,
      479,
      -43,
      227,
      222,
      4
    ],
    "SliceThickness": 2.5,
    "SliceTiming": [
      1.11,
      0,
      0.74,
      0.0925,
      0.8325,
      0.185,
      0.925,
      0.2775,
      1.0175,
      0.4625,
      1.2025,
      0.555,
      1.295,
      0.6475,
      1.3875,
      0.37,
      1.11,
      0,
      0.74,
      0.0925,
      0.8325,
      0.185,
      0.925,
      0.2775,
      1.0175,
      0.4625,
      1.2025,
      0.555,
      1.295,
      0.6475,
      1.3875,
      0.37,
      1.11,
      0,
      0.74,
      0.0925,
      0.8325,
      0.185,
      0.925,
      0.2775,
      1.0175,
      0.4625,
      1.2025,
      0.555,
      1.295,
      0.6475,
      1.3875,
      0.37
    ],
    "SoftwareVersions": "syngo_MR_E11",
    "SpacingBetweenSlices": 2.5,
    "StationName": "AWP66018",
    "TaskDescription": "Passively listened to audio story 'bronx'",
    "TaskName": "bronx",
    "TotalReadoutTime": 0.0484496,
    "TxRefAmp": 252.391,
    "dataset": "ds002345",
    "modality": "bold",
    "subject_id": "298",
    "task_id": "bronx"
  },
  "dummy_trs": 0,
  "dvars_nstd": 26.156310495886878,
  "dvars_std": 1.1378830333676093,
  "dvars_vstd": 0.9923207399742935,
  "efc": 0.48192088145841916,
  "fber": 2972.658203125,
  "fd_mean": 0.16552437394878533,
  "fd_num": 117,
  "fd_perc": 30.0,
  "fwhm_avg": 1.8420066666666666,
  "fwhm_x": 1.7225000000000001,
  "fwhm_y": 2.061812,
  "fwhm_z": 1.7417079999999998,
  "gcor": 0.016626,
  "gsr_x": -0.01706083118915558,
  "gsr_y": 0.033131733536720276,
  "provenance": {
    "md5sum": "c7a631bd0783aa74190443ef6eedf873",
    "settings": {
      "fd_thres": 0.2,
      "testing": false
    },
    "software": "mriqc",
    "version": "22.0.0rc1",
    "webapi_port": null,
    "webapi_url": "https://mriqc.nimh.nih.gov/api/v1"
  },
  "size_t": 390,
  "size_x": 96,
  "size_y": 96,
  "size_z": 48,
  "snr": 6.28400025025663,
  "spacing_tr": 1.5,
  "spacing_x": 2.5,
  "spacing_y": 2.5,
  "spacing_z": 2.5,
  "summary_bg_k": 19.405684772281383,
  "summary_bg_mad": 7.941426095548943,
  "summary_bg_mean": 34.73238754272461,
  "summary_bg_median": 12.684616088867188,
  "summary_bg_n": 310042.0,
  "summary_bg_p05": 5.984615802764893,
  "summary_bg_p95": 144.49935913085952,
  "summary_bg_stdv": 60.4865608215332,
  "summary_fg_k": 3.645807106480416,
  "summary_fg_mad": 94.23265504399467,
  "summary_fg_mean": 697.4649047851562,
  "summary_fg_median": 698.1897583007812,
  "summary_fg_n": 70121.0,
  "summary_fg_p05": 535.9461669921875,
  "summary_fg_p95": 865.7461547851562,
  "summary_fg_stdv": 111.10514831542969,
  "tsnr": 52.58036933699623
}