{
  "aor": 0.0003554421768707483,
  "aqi": 0.00957603088435374,
  "bids_meta": {
    "AcquisitionMatrixPE": 96,
    "BandwidthPerPixelPhaseEncode": 20.425,
    "BaseResolution": 96,
    "BodyPartExamined": "BRAIN",
    "ConsistencyInfo": "N4_VE11C_LATEST_20160120",
    "ConversionSoftware": "dcm2niix",
    "ConversionSoftwareVersion": "v1.0.20180328 GCC6.3.0",
    "DerivedVendorReportedEchoSpacing": 0.000509996,
    "DeviceSerialNumber": "66018",
    "DwellTime": 2.1e-06,
    "EchoTime": 0.031,
    "EchoTrainLength": 96,
    "EffectiveEchoSpacing": 0.000509996,
    "FlipAngle": 67,
    "ImageOrientationPatientDICOM": [
      1,
      0,
      0,
      0,
      1,
      0
    ],
    "ImageType": [
      "ORIGINAL",
      "PRIMARY",
      "M",
      "ND",
      "NORM",
      "MOSAIC"
    ],
    "InPlanePhaseEncodingDirectionDICOM": "COL",
    "InstitutionAddress": "Washington Rd, Princeton, NJ 08540, USA",
    "InstitutionName": "Princeton University",
    "InstitutionalDepartmentName": "Princeton Neuroscience Institute",
    "MRAcquisitionType": "2D",
    "MagneticFieldStrength": 3,
    "Manufacturer": "Siemens",
    "ManufacturersModelName": "Prisma",
    "Modality": "MR",
    "MultibandAccelerationFactor": 3,
    "NumberOfVolumesDiscardedByScanner": 3,
    "PartialFourier": 1,
    "PatientPosition": "HFS",
    "PercentPhaseFOV": 100,
    "PhaseEncodingDirection": "j-",
    "PhaseEncodingSteps": 96,
    "PhaseResolution": 1,
    "PixelBandwidth": 2480,
    "ProcedureStepDescription": "Hasson_Nastase_042518_Storyteller",
    "ProtocolName": "func_task-pieman",
    "PulseSequenceDetails": "%SiemensSeq%_ep2d_bold",
    "ReceiveCoilActiveElements": "HC1-7;NC1,2",
    "ReceiveCoilName": "HeadNeck_64",
    "ReconMatrixPE": 96,
    "RepetitionTime": 1.5,
    "SAR": 0.0462138,
    "ScanOptions": "FS",
    "ScanningSequence": "EP",
    "SequenceName": "_epfid2d1_96",
    "SequenceVariant": "SK",
    "SeriesDescription": "func_task-pieman",
    "SeriesNumber": 9,
    "ShimSetting": [
      721,
      533,
      2078,
      479,
      -43,
      227,
      222,
      4
    ],
    "SliceThickness": 2.5,
    "SliceTiming": [
      1.11,
      0,
      0.74,
      0.0925,
      0.8325,
      0.185,
      0.925,
      0.2775,
      1.0175,
      0.4625,
      1.2025,
      0.555,
      1.295,
      0.6475,
      1.3875,
      0.37,
      1.11,
      0,
      0.74,
      0.0925,
      0.8325,
      0.185,
      0.925,
      0.2775,
      1.0175,
      0.4625,
      1.2025,
      0.555,
      1.295,
      0.6475,
      1.3875,
      0.37,
      1.11,
      0,
      0.74,
      0.0925,
      0.8325,
      0.185,
      0.925,
      0.2775,
      1.0175,
      0.4625,
      1.2025,
      0.555,
      1.295,
      0.6475,
      1.3875,
      0.37
    ],
    "SoftwareVersions": "syngo_MR_E11",
    "SpacingBetweenSlices": 2.5,
    "StationName": "AWP66018",
    "TaskDescription": "Passively listened to audio story 'piemanpni'",
    "TaskName": "piemanpni",
    "TotalReadoutTime": 0.0484496,
    "TxRefAmp": 252.391,
    "dataset": "ds002345",
    "modality": "bold",
    "subject_id": "298",
    "task_id": "piemanpni"
  },
  "dummy_trs": 0,
  "dvars_nstd": 27.141860975119457,
  "dvars_std": 1.161703951672355,
  "dvars_vstd": 0.9842119577133114,
  "efc": 0.48356813258006137,
  "fber": 2889.062744140625,
  "fd_mean": 0.15825861674378797,
  "fd_num": 106,
  "fd_perc": 36.054421768707485,
  "fwhm_avg": 1.8253466666666667,
  "fwhm_x": 1.699464,
  "fwhm_y": 2.039136,
  "fwhm_z": 1.73744,
  "gcor": 0.00876617,
  "gsr_x": -0.017822377383708954,
  "gsr_y": 0.032679371535778046,
  "provenance": {
    "md5sum": "5f5e34a072ebdb9d62fbd467e5d416ef",
    "settings": {
      "fd_thres": 0.2,
      "testing": false
    },
    "software": "mriqc",
    "version": "22.0.0rc1",
    "webapi_port": null,
    "webapi_url": "https://mriqc.nimh.nih.gov/api/v1"
  },
  "size_t": 294,
  "size_x": 96,
  "size_y": 96,
  "size_z": 48,
  "snr": 6.253856259031964,
  "spacing_tr": 1.5,
  "spacing_x": 2.5,
  "spacing_y": 2.5,
  "spacing_z": 2.5,
  "summary_bg_k": 18.830861914160547,
  "summary_bg_mad": 7.937470655307826,
  "summary_bg_mean": 35.10152816772461,
  "summary_bg_median": 12.806121826171875,
  "summary_bg_n": 309781.0,
  "summary_bg_p05": 6.136054515838623,
  "summary_bg_p95": 147.3231201171875,
  "summary_bg_stdv": 60.77534103393555,
  "summary_fg_k": 3.554231588634103,
  "summary_fg_mad": 94.43517358433985,
  "summary_fg_mean": 695.1292114257812,
  "summary_fg_median": 695.8826293945312,
  "summary_fg_n": 70330.0,
  "summary_fg_p05": 533.2294158935547,
  "summary_fg_p95": 863.8460632324219,
  "summary_fg_stdv": 111.27177429199219,
  "tsnr": 57.681145877344534
}