{
  "aor": 0.021185798076923074,
  "aqi": 0.017489330403846155,
  "bids_meta": {
    "CogAtlasID": "https://www.cognitiveatlas.org/task/id/trm_4c8991fadfe01",
    "DeviceSerialNumber": "45031",
    "DwellTime": 5.4e-06,
    "EchoTime": 0.028,
    "EffectiveEchoSpacing": 0.000390001,
    "FlipAngle": 64,
    "InstitutionAddress": "Washington Rd, Princeton, NJ 08540, USA",
    "InstitutionName": "Princeton University",
    "InstitutionalDepartmentName": "Princeton Neuroscience Institute",
    "MagneticFieldStrength": 3,
    "Manufacturer": "Siemens",
    "ManufacturersModelName": "Skyra",
    "NumberOfVolumesDiscardedByScanner": 3,
    "ParallelReductionFactorInPlane": 2,
    "ParallelReductionType": "GRAPPA",
    "PartialFourier": 1,
    "PhaseEncodingDirection": "j-",
    "PixelBandwidth": 1445,
    "PulseSequenceDetails": "%SiemensSeq%_ep2d_bold",
    "PulseSequenceType": "Gradient Echo EPI",
    "ReceiveCoilActiveElements": "HE1-4",
    "ReceiveCoilName": "HeadNeck_20",
    "RepetitionTime": 1.5,
    "ScanOptions": "FS",
    "ScanningSequence": "EP",
    "SequenceName": "_epfid2d1_64",
    "SequenceVariant": "SK",
    "SliceTiming": [
      0,
      0.7775,
      0.055,
      0.8325,
      0.1125,
      0.89,
      0.1675,
      0.945,
      0.2225,
      1,
      0.2775,
      1.055,
      0.3325,
      1.11,
      0.39,
      1.1675,
      0.445,
      1.2225,
      0.5,
      1.2775,
      0.555,
      1.3325,
      0.6125,
      1.39,
      0.6675,
      1.445,
      0.7225
    ],
    "SoftwareVersions": "syngo_MR_D11",
    "StationName": "AWP45031",
    "TaskDescription": "Passively listened to audio story 'tunnel'",
    "TaskName": "tunnel",
    "TotalReadoutTime": 0.0245701,
    "dataset": "ds002345",
    "modality": "bold",
    "subject_id": "060",
    "task_id": "tunnel"
  },
  "dummy_trs": 0,
  "dvars_nstd": 16.415942329788237,
  "dvars_std": 1.186331033849855,
  "dvars_vstd": 1.196196643176131,
  "efc": 0.574955224674089,
  "fber": 1731.42822265625,
  "fd_mean": 0.15142018390639359,
  "fd_num": 143,
  "fd_perc": 13.75,
  "fwhm_avg": 1.8495567942619628,
  "fwhm_x": 1.8421366666666668,
  "fwhm_y": 2.1010133333333334,
  "fwhm_z": 1.6055203827858884,
  "gcor": 0.0452221,
  "gsr_x": 0.010757814161479473,
  "gsr_y": 0.031549517065286636,
  "provenance": {
    "md5sum": "b1fc6cf0250ddaf7a6dfd9148717fc0f",
    "settings": {
      "fd_thres": 0.2,
      "testing": false
    },
    "software": "mriqc",
    "version": "21.0.0rc2",
    "webapi_port": null,
    "webapi_url": "https://mriqc.nimh.nih.gov/api/v1"
  },
  "size_t": 1040,
  "size_x": 64,
  "size_y": 64,
  "size_z": 27,
  "snr": 7.496142550613463,
  "spacing_tr": 1.5,
  "spacing_x": 3.0,
  "spacing_y": 3.0,
  "spacing_z": 3.9999990463256836,
  "summary_bg_k": 22.322594404905324,
  "summary_bg_mad": 12.274235130543625,
  "summary_bg_mean": 37.76784896850586,
  "summary_bg_median": 15.879807472229004,
  "summary_bg_n": 57149.0,
  "summary_bg_p05": 6.041346073150635,
  "summary_bg_p95": 148.07038269042968,
  "summary_bg_stdv": 64.54212951660156,
  "summary_fg_k": 2.0702020182481444,
  "summary_fg_mad": 84.61673450277888,
  "summary_fg_mean": 681.443603515625,
  "summary_fg_median": 676.019287109375,
  "summary_fg_n": 25272.0,
  "summary_fg_p05": 551.6943389892579,
  "summary_fg_p95": 828.2171386718749,
  "summary_fg_stdv": 90.18050384521484,
  "tsnr": 51.88163970597088
}