{
  "aor": 0.0004745135135135134,
  "aqi": 0.020915372513513514,
  "bids_meta": {
    "CogAtlasID": "https://www.cognitiveatlas.org/task/id/trm_4c8991fadfe01",
    "DeviceSerialNumber": "45031",
    "DwellTime": 5.4e-06,
    "EchoTime": 0.028,
    "EffectiveEchoSpacing": 0.000390001,
    "FlipAngle": 64,
    "InstitutionAddress": "Washington Rd, Princeton, NJ 08540, USA",
    "InstitutionName": "Princeton University",
    "InstitutionalDepartmentName": "Princeton Neuroscience Institute",
    "MagneticFieldStrength": 3,
    "Manufacturer": "Siemens",
    "ManufacturersModelName": "Skyra",
    "NumberOfVolumesDiscardedByScanner": 3,
    "ParallelReductionFactorInPlane": 2,
    "ParallelReductionType": "GRAPPA",
    "PartialFourier": 1,
    "PhaseEncodingDirection": "j-",
    "PixelBandwidth": 1445,
    "PulseSequenceDetails": "%SiemensSeq%_ep2d_bold",
    "PulseSequenceType": "Gradient Echo EPI",
    "ReceiveCoilActiveElements": "HE1-4",
    "ReceiveCoilName": "HeadNeck_20",
    "RepetitionTime": 1.5,
    "ScanOptions": "FS",
    "ScanningSequence": "EP",
    "SequenceName": "_epfid2d1_64",
    "SequenceVariant": "SK",
    "SliceTiming": [
      0,
      0.7775,
      0.0575,
      0.835,
      0.1125,
      0.89,
      0.1675,
      0.945,
      0.2225,
      1,
      0.28,
      1.0575,
      0.335,
      1.1125,
      0.39,
      1.1675,
      0.445,
      1.2225,
      0.5,
      1.2775,
      0.5575,
      1.335,
      0.6125,
      1.39,
      0.6675,
      1.445,
      0.7225
    ],
    "SoftwareVersions": "syngo_MR_D11",
    "StationName": "AWP45031",
    "TaskDescription": "Passively listened to audio story 'lucy'",
    "TaskName": "lucy",
    "TotalReadoutTime": 0.0245701,
    "dataset": "ds002345",
    "modality": "bold",
    "subject_id": "060",
    "task_id": "lucy"
  },
  "dummy_trs": 0,
  "dvars_nstd": 16.459446555528455,
  "dvars_std": 0.9145430706504063,
  "dvars_vstd": 0.8974273105420052,
  "efc": 0.5748769661120998,
  "fber": 1791.7391357421875,
  "fd_mean": 0.13555437025067524,
  "fd_num": 45,
  "fd_perc": 12.162162162162161,
  "fwhm_avg": 1.8603029094671193,
  "fwhm_x": 1.8341333333333332,
  "fwhm_y": 2.08974,
  "fwhm_z": 1.6570353950680246,
  "gcor": 0.0160073,
  "gsr_x": 0.009362615644931793,
  "gsr_y": 0.02816922217607498,
  "provenance": {
    "md5sum": "d9c6f4ea1b6d427c45e220776a3e4f34",
    "settings": {
      "fd_thres": 0.2,
      "testing": false
    },
    "software": "mriqc",
    "version": "21.0.0rc2",
    "webapi_port": null,
    "webapi_url": "https://mriqc.nimh.nih.gov/api/v1"
  },
  "size_t": 370,
  "size_x": 64,
  "size_y": 64,
  "size_z": 27,
  "snr": 7.5026210721320385,
  "spacing_tr": 1.5,
  "spacing_x": 3.0,
  "spacing_y": 3.0,
  "spacing_z": 3.9999990463256836,
  "summary_bg_k": 22.308672703475388,
  "summary_bg_mad": 10.927179733898582,
  "summary_bg_mean": 36.803749084472656,
  "summary_bg_median": 15.408108711242676,
  "summary_bg_n": 57084.0,
  "summary_bg_p05": 6.632432460784912,
  "summary_bg_p95": 143.91810455322266,
  "summary_bg_stdv": 62.706974029541016,
  "summary_fg_k": 2.310807181770967,
  "summary_fg_mad": 83.51057425381572,
  "summary_fg_mean": 679.193115234375,
  "summary_fg_median": 673.84326171875,
  "summary_fg_n": 25432.0,
  "summary_fg_p05": 550.3329681396484,
  "summary_fg_p95": 826.3990722656249,
  "summary_fg_stdv": 89.81261444091797,
  "tsnr": 50.36547222174704
}