{
  "aor": 0.001213629893238434,
  "aqi": 0.024989963411921706,
  "bids_meta": {
    "CogAtlasID": "https://www.cognitiveatlas.org/task/id/trm_4c8991fadfe01",
    "DeviceSerialNumber": "45031",
    "DwellTime": 4.9e-06,
    "EchoTime": 0.028,
    "EffectiveEchoSpacing": 0.000355001,
    "FlipAngle": 64,
    "InstitutionAddress": "Washington Rd, Princeton, NJ 08540, USA",
    "InstitutionName": "Princeton University",
    "InstitutionalDepartmentName": "Princeton Neuroscience Institute",
    "MagneticFieldStrength": 3,
    "Manufacturer": "Siemens",
    "ManufacturersModelName": "Skyra",
    "NumberOfVolumesDiscardedByScanner": 3,
    "ParallelReductionFactorInPlane": 2,
    "ParallelReductionType": "GRAPPA",
    "PartialFourier": 1,
    "PhaseEncodingDirection": "j-",
    "PixelBandwidth": 1595,
    "PulseSequenceDetails": "%SiemensSeq%_ep2d_bold",
    "PulseSequenceType": "Gradient Echo EPI",
    "ReceiveCoilActiveElements": "HE1-4",
    "ReceiveCoilName": "HeadNeck_20",
    "RepetitionTime": 1.5,
    "ScanOptions": "FS",
    "ScanningSequence": "EP",
    "SequenceName": "_epfid2d1_64",
    "SequenceVariant": "SK",
    "SliceTiming": [
      0,
      0.7675,
      0.055,
      0.8225,
      0.11,
      0.8775,
      0.165,
      0.9325,
      0.22,
      0.9875,
      0.275,
      1.0425,
      0.33,
      1.0975,
      0.385,
      1.1525,
      0.44,
      1.2075,
      0.495,
      1.2625,
      0.55,
      1.315,
      0.6025,
      1.37,
      0.6575,
      1.425,
      0.7125
    ],
    "SoftwareVersions": "syngo_MR_E11",
    "StationName": "AWP45031",
    "TaskDescription": "Passively listened to audio story '21styear'",
    "TaskName": "21styear",
    "TotalReadoutTime": 0.022365,
    "dataset": "ds002345",
    "modality": "bold",
    "subject_id": "259",
    "task_id": "21styear"
  },
  "dummy_trs": 1,
  "dvars_nstd": 31.90070518985317,
  "dvars_std": 1.2473568535914512,
  "dvars_vstd": 0.9690108083044053,
  "efc": 0.6523095146687533,
  "fber": 1052.5321044921875,
  "fd_mean": 0.26648361849559643,
  "fd_num": 1256,
  "fd_perc": 55.87188612099644,
  "fwhm_avg": 1.756018874485476,
  "fwhm_x": 1.7079131976005872,
  "fwhm_y": 2.0078733333333334,
  "fwhm_z": 1.5522700925225075,
  "gcor": 0.0137383,
  "gsr_x": -0.026051528751850128,
  "gsr_y": 0.06671745330095291,
  "provenance": {
    "md5sum": "941a25a9314f6c90a6bd6a6308c9f961",
    "settings": {
      "fd_thres": 0.2,
      "testing": false
    },
    "software": "mriqc",
    "version": "22.0.0rc1",
    "webapi_port": null,
    "webapi_url": "https://mriqc.nimh.nih.gov/api/v1"
  },
  "size_t": 2248,
  "size_x": 64,
  "size_y": 64,
  "size_z": 27,
  "snr": 6.46455763537357,
  "spacing_tr": 1.5,
  "spacing_x": 3.000000238418579,
  "spacing_y": 3.0,
  "spacing_z": 3.999999761581421,
  "summary_bg_k": 25.022445672945935,
  "summary_bg_mad": 18.801282044968247,
  "summary_bg_mean": 54.61885452270508,
  "summary_bg_median": 22.17882537841797,
  "summary_bg_n": 47346.0,
  "summary_bg_p05": 7.376000881195068,
  "summary_bg_p95": 206.64624404907227,
  "summary_bg_stdv": 82.80209350585938,
  "summary_fg_k": 2.105000075703556,
  "summary_fg_mad": 105.45139490865284,
  "summary_fg_mean": 762.965576171875,
  "summary_fg_median": 749.942138671875,
  "summary_fg_n": 34280.0,
  "summary_fg_p05": 607.4447204589844,
  "summary_fg_p95": 964.3200225830077,
  "summary_fg_stdv": 116.00657653808594,
  "tsnr": 39.469543907325715
}