{
  "aor": 0.003941549999999999,
  "aqi": 0.009456861825,
  "bids_meta": {
    "CogAtlasID": "https://www.cognitiveatlas.org/task/id/trm_4c8991fadfe01",
    "DeviceSerialNumber": "45031",
    "DwellTime": 5.4e-06,
    "EchoTime": 0.028,
    "EffectiveEchoSpacing": 0.000390001,
    "FlipAngle": 64,
    "InstitutionAddress": "Washington Rd, Princeton, NJ 08540, USA",
    "InstitutionName": "Princeton University",
    "InstitutionalDepartmentName": "Princeton Neuroscience Institute",
    "MagneticFieldStrength": 3,
    "Manufacturer": "Siemens",
    "ManufacturersModelName": "Skyra",
    "NumberOfVolumesDiscardedByScanner": 3,
    "ParallelReductionFactorInPlane": 2,
    "ParallelReductionType": "GRAPPA",
    "PartialFourier": 1,
    "PhaseEncodingDirection": "j-",
    "PixelBandwidth": 1445,
    "PulseSequenceDetails": "%SiemensSeq%_ep2d_bold",
    "PulseSequenceType": "Gradient Echo EPI",
    "ReceiveCoilActiveElements": "HE1-4",
    "ReceiveCoilName": "HeadNeck_20",
    "RepetitionTime": 1.5,
    "ScanOptions": "FS",
    "ScanningSequence": "EP",
    "SequenceName": "_epfid2d1_64",
    "SequenceVariant": "SK",
    "SliceTiming": [
      0,
      0.7775,
      0.055,
      0.8325,
      0.11,
      0.8875,
      0.165,
      0.9425,
      0.2225,
      1,
      0.2775,
      1.055,
      0.3325,
      1.11,
      0.3875,
      1.165,
      0.445,
      1.2225,
      0.5,
      1.2775,
      0.555,
      1.3325,
      0.61,
      1.3875,
      0.665,
      1.4425,
      0.7225
    ],
    "SoftwareVersions": "syngo_MR_D11",
    "StationName": "AWP45031",
    "TaskDescription": "Passively listened to audio story 'notthefall'",
    "TaskName": "notthefall",
    "TotalReadoutTime": 0.0245701,
    "dataset": "ds002345",
    "modality": "bold",
    "subject_id": "141",
    "task_id": "notthefall"
  },
  "dummy_trs": 0,
  "dvars_nstd": 27.095917211929812,
  "dvars_std": 1.3297872784711775,
  "dvars_vstd": 1.0281509061904754,
  "efc": 0.6396809975270765,
  "fber": 1750.114501953125,
  "fd_mean": 0.16433028796247187,
  "fd_num": 63,
  "fd_perc": 15.75,
  "fwhm_avg": 1.7929427777777776,
  "fwhm_x": 1.7312366666666668,
  "fwhm_y": 2.0252066666666666,
  "fwhm_z": 1.622385,
  "gcor": 0.0553721,
  "gsr_x": -0.01318638026714325,
  "gsr_y": 0.06398905813694,
  "provenance": {
    "md5sum": "75090875c098308b0cd3464a7d9a4844",
    "settings": {
      "fd_thres": 0.2,
      "testing": false
    },
    "software": "mriqc",
    "version": "22.0.0rc1",
    "webapi_port": null,
    "webapi_url": "https://mriqc.nimh.nih.gov/api/v1"
  },
  "size_t": 400,
  "size_x": 64,
  "size_y": 64,
  "size_z": 27,
  "snr": 6.790781028277535,
  "spacing_tr": 1.5,
  "spacing_x": 3.0,
  "spacing_y": 3.0,
  "spacing_z": 4.0,
  "summary_bg_k": 13.754811531206226,
  "summary_bg_mad": 10.530180786459594,
  "summary_bg_mean": 47.375953674316406,
  "summary_bg_median": 15.507499694824219,
  "summary_bg_n": 48627.0,
  "summary_bg_p05": 6.71574969291687,
  "summary_bg_p95": 200.06799468994137,
  "summary_bg_stdv": 77.49442291259766,
  "summary_fg_k": 2.090307005789951,
  "summary_fg_mad": 96.01704427414066,
  "summary_fg_mean": 702.2413940429688,
  "summary_fg_median": 691.9224853515625,
  "summary_fg_n": 32517.0,
  "summary_fg_p05": 563.5519897460938,
  "summary_fg_p95": 876.3599731445312,
  "summary_fg_stdv": 101.88987731933594,
  "tsnr": 62.673515685251914
}