{
  "aor": 0.0010614971050454923,
  "aqi": 0.02292151452440033,
  "bids_meta": {
    "CogAtlasID": "https://www.cognitiveatlas.org/task/id/trm_4c8991fadfe01",
    "DeviceSerialNumber": "45031",
    "DwellTime": 5.4e-06,
    "EchoTime": 0.028,
    "EffectiveEchoSpacing": 0.000390001,
    "FlipAngle": 64,
    "InstitutionAddress": "Washington Rd, Princeton, NJ 08540, USA",
    "InstitutionName": "Princeton University",
    "InstitutionalDepartmentName": "Princeton Neuroscience Institute",
    "MagneticFieldStrength": 3,
    "Manufacturer": "Siemens",
    "ManufacturersModelName": "Skyra",
    "NumberOfVolumesDiscardedByScanner": 3,
    "ParallelReductionFactorInPlane": 2,
    "ParallelReductionType": "GRAPPA",
    "PartialFourier": 1,
    "PhaseEncodingDirection": "j-",
    "PixelBandwidth": 1445,
    "PulseSequenceDetails": "%SiemensSeq%_ep2d_bold",
    "PulseSequenceType": "Gradient Echo EPI",
    "ReceiveCoilActiveElements": "HE1-4",
    "ReceiveCoilName": "HeadNeck_20",
    "RepetitionTime": 1.5,
    "ScanOptions": "FS",
    "ScanningSequence": "EP",
    "SequenceName": "_epfid2d1_64",
    "SequenceVariant": "SK",
    "SliceTiming": [
      0,
      0.7775,
      0.055,
      0.8325,
      0.11,
      0.8875,
      0.1675,
      0.945,
      0.2225,
      1,
      0.2775,
      1.055,
      0.3325,
      1.11,
      0.3875,
      1.165,
      0.445,
      1.2225,
      0.5,
      1.2775,
      0.555,
      1.3325,
      0.61,
      1.3875,
      0.6675,
      1.445,
      0.7225
    ],
    "SoftwareVersions": "syngo_MR_D11",
    "StationName": "AWP45031",
    "TaskDescription": "Passively listened to audio story 'slumlordreach'",
    "TaskName": "slumlordreach",
    "TotalReadoutTime": 0.0245701,
    "dataset": "ds002345",
    "modality": "bold",
    "subject_id": "141",
    "task_id": "slumlordreach"
  },
  "dummy_trs": 0,
  "dvars_nstd": 27.59580726340232,
  "dvars_std": 1.1967760997433787,
  "dvars_vstd": 0.9547109524006627,
  "efc": 0.6411810586547051,
  "fber": 1521.05859375,
  "fd_mean": 0.2108098183734412,
  "fd_num": 357,
  "fd_perc": 29.528535980148884,
  "fwhm_avg": 1.8113891666666666,
  "fwhm_x": 1.7667400000000002,
  "fwhm_y": 2.07666,
  "fwhm_z": 1.5907675,
  "gcor": 0.0771879,
  "gsr_x": -0.01532617025077343,
  "gsr_y": 0.06601827591657639,
  "provenance": {
    "md5sum": "c81df60575ace6958b253b16bd2f8db5",
    "settings": {
      "fd_thres": 0.2,
      "testing": false
    },
    "software": "mriqc",
    "version": "22.0.0rc1",
    "webapi_port": null,
    "webapi_url": "https://mriqc.nimh.nih.gov/api/v1"
  },
  "size_t": 1209,
  "size_x": 64,
  "size_y": 64,
  "size_z": 27,
  "snr": 6.764897553029813,
  "spacing_tr": 1.5,
  "spacing_x": 3.0,
  "spacing_y": 3.0,
  "spacing_z": 4.0,
  "summary_bg_k": 13.63981516556893,
  "summary_bg_mad": 12.51566473985594,
  "summary_bg_mean": 48.5526237487793,
  "summary_bg_median": 16.69478988647461,
  "summary_bg_n": 48557.0,
  "summary_bg_p05": 6.563109970092774,
  "summary_bg_p95": 199.62217407226527,
  "summary_bg_stdv": 77.26646423339844,
  "summary_fg_k": 2.0138745506110185,
  "summary_fg_mad": 96.69043199441711,
  "summary_fg_mean": 707.4576416015625,
  "summary_fg_median": 696.3626708984375,
  "summary_fg_n": 32600.0,
  "summary_fg_p05": 567.3184417724609,
  "summary_fg_p95": 884.7105102539062,
  "summary_fg_stdv": 102.93607330322266,
  "tsnr": 41.124321032781154
}