{
  "aor": 0.001708653198653199,
  "aqi": 0.00825232037037037,
  "bids_meta": {
    "CogAtlasID": "https://www.cognitiveatlas.org/task/id/trm_4c8991fadfe01",
    "DeviceSerialNumber": "45031",
    "DwellTime": 5.4e-06,
    "EchoTime": 0.028,
    "EffectiveEchoSpacing": 0.000390001,
    "FlipAngle": 64,
    "InstitutionAddress": "Washington Rd, Princeton, NJ 08540, USA",
    "InstitutionName": "Princeton University",
    "InstitutionalDepartmentName": "Princeton Neuroscience Institute",
    "MagneticFieldStrength": 3,
    "Manufacturer": "Siemens",
    "ManufacturersModelName": "Skyra",
    "NumberOfVolumesDiscardedByScanner": 3,
    "ParallelReductionFactorInPlane": 2,
    "ParallelReductionType": "GRAPPA",
    "PartialFourier": 1,
    "PhaseEncodingDirection": "j-",
    "PixelBandwidth": 1445,
    "PulseSequenceDetails": "%SiemensSeq%_ep2d_bold",
    "PulseSequenceType": "Gradient Echo EPI",
    "ReceiveCoilActiveElements": "HE1-4",
    "ReceiveCoilName": "HeadNeck_20",
    "RepetitionTime": 1.5,
    "ScanOptions": "FS",
    "ScanningSequence": "EP",
    "SequenceName": "_epfid2d1_64",
    "SequenceVariant": "SK",
    "SliceTiming": [
      0,
      0.7775,
      0.055,
      0.8325,
      0.11,
      0.8875,
      0.165,
      0.9425,
      0.22,
      0.9975,
      0.2775,
      1.055,
      0.3325,
      1.11,
      0.3875,
      1.165,
      0.4425,
      1.22,
      0.5,
      1.2775,
      0.555,
      1.3325,
      0.61,
      1.3875,
      0.665,
      1.4425,
      0.72
    ],
    "SoftwareVersions": "syngo_MR_D11",
    "StationName": "AWP45031",
    "TaskDescription": "Passively listened to audio story 'milkyway'",
    "TaskName": "milkyway",
    "TotalReadoutTime": 0.0245701,
    "dataset": "ds002345",
    "modality": "bold",
    "subject_id": "095",
    "task_id": "milkyway"
  },
  "dummy_trs": 0,
  "dvars_nstd": 22.87384943054054,
  "dvars_std": 1.2060581226013518,
  "dvars_vstd": 1.0074162453040545,
  "efc": 0.6200635103756343,
  "fber": 1590.510986328125,
  "fd_mean": 0.1391621832744794,
  "fd_num": 27,
  "fd_perc": 9.090909090909092,
  "fwhm_avg": 1.831737906544504,
  "fwhm_x": 1.7285066666666669,
  "fwhm_y": 2.1464466666666664,
  "fwhm_z": 1.6202603863001792,
  "gcor": 0.0803695,
  "gsr_x": -0.017446402460336685,
  "gsr_y": 0.06170716881752014,
  "provenance": {
    "md5sum": "0714ad68ca68e45472e93bc371b3a801",
    "settings": {
      "fd_thres": 0.2,
      "testing": false
    },
    "software": "mriqc",
    "version": "21.0.0rc2",
    "webapi_port": null,
    "webapi_url": "https://mriqc.nimh.nih.gov/api/v1"
  },
  "size_t": 297,
  "size_x": 64,
  "size_y": 64,
  "size_z": 27,
  "snr": 7.265655737304729,
  "spacing_tr": 1.5,
  "spacing_x": 3.0,
  "spacing_y": 3.0,
  "spacing_z": 3.9999990463256836,
  "summary_bg_k": 14.995538350472625,
  "summary_bg_mad": 11.72603585671882,
  "summary_bg_mean": 47.41261291503906,
  "summary_bg_median": 17.067338943481445,
  "summary_bg_n": 52162.0,
  "summary_bg_p05": 7.713804721832275,
  "summary_bg_p95": 190.19831695556638,
  "summary_bg_stdv": 72.05516052246094,
  "summary_fg_k": 2.5628315991198694,
  "summary_fg_mad": 88.93613463070417,
  "summary_fg_mean": 737.5758056640625,
  "summary_fg_median": 730.8720092773438,
  "summary_fg_n": 29717.0,
  "summary_fg_p05": 594.6019775390625,
  "summary_fg_p95": 902.935986328125,
  "summary_fg_stdv": 100.59101867675781,
  "tsnr": 66.94167518313043
}