{
  "aor": 0.0007857052631578947,
  "aqi": 0.007037371599999999,
  "bids_meta": {
    "CogAtlasID": "https://www.cognitiveatlas.org/task/id/trm_4c8991fadfe01",
    "DeviceSerialNumber": "45031",
    "DwellTime": 5.4e-06,
    "EchoTime": 0.028,
    "EffectiveEchoSpacing": 0.000390001,
    "FlipAngle": 64,
    "InstitutionAddress": "Washington Rd, Princeton, NJ 08540, USA",
    "InstitutionName": "Princeton University",
    "InstitutionalDepartmentName": "Princeton Neuroscience Institute",
    "MagneticFieldStrength": 3,
    "Manufacturer": "Siemens",
    "ManufacturersModelName": "Skyra",
    "NumberOfVolumesDiscardedByScanner": 3,
    "ParallelReductionFactorInPlane": 2,
    "ParallelReductionType": "GRAPPA",
    "PartialFourier": 1,
    "PhaseEncodingDirection": "j-",
    "PixelBandwidth": 1445,
    "PulseSequenceDetails": "%SiemensSeq%_ep2d_bold",
    "PulseSequenceType": "Gradient Echo EPI",
    "ReceiveCoilActiveElements": "HE1-4",
    "ReceiveCoilName": "HeadNeck_20",
    "RepetitionTime": 1.5,
    "ScanOptions": "FS",
    "ScanningSequence": "EP",
    "SequenceName": "_epfid2d1_64",
    "SequenceVariant": "SK",
    "SliceTiming": [
      0,
      0.7775,
      0.055,
      0.8325,
      0.11,
      0.8875,
      0.165,
      0.9425,
      0.22,
      0.9975,
      0.2775,
      1.055,
      0.3325,
      1.11,
      0.3875,
      1.165,
      0.4425,
      1.22,
      0.5,
      1.2775,
      0.555,
      1.3325,
      0.61,
      1.3875,
      0.665,
      1.4425,
      0.72
    ],
    "SoftwareVersions": "syngo_MR_D11",
    "StationName": "AWP45031",
    "TaskDescription": "Passively listened to audio story 'prettymouth'",
    "TaskName": "prettymouth",
    "TotalReadoutTime": 0.0245701,
    "dataset": "ds002345",
    "modality": "bold",
    "subject_id": "095",
    "task_id": "prettymouth"
  },
  "dummy_trs": 0,
  "dvars_nstd": 21.653805595864974,
  "dvars_std": 1.2307697245358653,
  "dvars_vstd": 1.0051033977215196,
  "efc": 0.6214831636754354,
  "fber": 1574.3145751953125,
  "fd_mean": 0.10363349025876419,
  "fd_num": 21,
  "fd_perc": 4.421052631578948,
  "fwhm_avg": 1.8174806835541766,
  "fwhm_x": 1.7135766666666665,
  "fwhm_y": 2.12827,
  "fwhm_z": 1.6105953839958629,
  "gcor": 0.0824701,
  "gsr_x": -0.017422648146748543,
  "gsr_y": 0.06177201122045517,
  "provenance": {
    "md5sum": "126ffc72138b9f0e532e5cf8239253df",
    "settings": {
      "fd_thres": 0.2,
      "testing": false
    },
    "software": "mriqc",
    "version": "21.0.0rc2",
    "webapi_port": null,
    "webapi_url": "https://mriqc.nimh.nih.gov/api/v1"
  },
  "size_t": 475,
  "size_x": 64,
  "size_y": 64,
  "size_z": 27,
  "snr": 7.2472479839487365,
  "spacing_tr": 1.5,
  "spacing_x": 3.0,
  "spacing_y": 3.0,
  "spacing_z": 3.9999990463256836,
  "summary_bg_k": 14.792769132975277,
  "summary_bg_mad": 12.085548966205176,
  "summary_bg_mean": 47.97221374511719,
  "summary_bg_median": 17.09263038635254,
  "summary_bg_n": 52013.0,
  "summary_bg_p05": 7.606315612792969,
  "summary_bg_p95": 193.94946594238232,
  "summary_bg_stdv": 72.96451568603516,
  "summary_fg_k": 2.491909703565846,
  "summary_fg_mad": 89.97207397381038,
  "summary_fg_mean": 737.0636596679688,
  "summary_fg_median": 730.6209716796875,
  "summary_fg_n": 29790.0,
  "summary_fg_p05": 593.5152374267578,
  "summary_fg_p95": 901.5018493652343,
  "summary_fg_stdv": 100.81188201904297,
  "tsnr": 71.34082484338433
}