{
  "aor": 0.0004539749999999999,
  "aqi": 0.005297631350000001,
  "bids_meta": {
    "CogAtlasID": "https://www.cognitiveatlas.org/task/id/trm_4c8991fadfe01",
    "DeviceSerialNumber": "45031",
    "DwellTime": 5.4e-06,
    "EchoTime": 0.028,
    "EffectiveEchoSpacing": 0.000390001,
    "FlipAngle": 64,
    "InstitutionAddress": "Washington Rd, Princeton, NJ 08540, USA",
    "InstitutionName": "Princeton University",
    "InstitutionalDepartmentName": "Princeton Neuroscience Institute",
    "MagneticFieldStrength": 3,
    "Manufacturer": "Siemens",
    "ManufacturersModelName": "Skyra",
    "NumberOfVolumesDiscardedByScanner": 3,
    "ParallelReductionFactorInPlane": 2,
    "ParallelReductionType": "GRAPPA",
    "PartialFourier": 1,
    "PhaseEncodingDirection": "j-",
    "PixelBandwidth": 1445,
    "PulseSequenceDetails": "%SiemensSeq%_ep2d_bold",
    "PulseSequenceType": "Gradient Echo EPI",
    "ReceiveCoilActiveElements": "HE1-4",
    "ReceiveCoilName": "HeadNeck_20",
    "RepetitionTime": 1.5,
    "ScanOptions": "FS",
    "ScanningSequence": "EP",
    "SequenceName": "_epfid2d1_64",
    "SequenceVariant": "SK",
    "SliceTiming": [
      0,
      0.7775,
      0.055,
      0.8325,
      0.11,
      0.8875,
      0.165,
      0.9425,
      0.2225,
      1,
      0.2775,
      1.055,
      0.3325,
      1.11,
      0.3875,
      1.165,
      0.445,
      1.2225,
      0.5,
      1.2775,
      0.555,
      1.3325,
      0.61,
      1.3875,
      0.665,
      1.4425,
      0.7225
    ],
    "SoftwareVersions": "syngo_MR_D11",
    "StationName": "AWP45031",
    "TaskDescription": "Passively listened to audio story 'notthefall'",
    "TaskName": "notthefall",
    "TotalReadoutTime": 0.0245701,
    "dataset": "ds002345",
    "modality": "bold",
    "subject_id": "065",
    "task_id": "notthefall"
  },
  "dummy_trs": 0,
  "dvars_nstd": 20.0029885908772,
  "dvars_std": 1.1574098869172935,
  "dvars_vstd": 0.984757425864661,
  "efc": 0.6192723276923895,
  "fber": 1457.234375,
  "fd_mean": 0.10026355659219739,
  "fd_num": 13,
  "fd_perc": 3.25,
  "fwhm_avg": 1.8666419444444446,
  "fwhm_x": 1.8421066666666668,
  "fwhm_y": 2.0758366666666666,
  "fwhm_z": 1.6819825,
  "gcor": 0.0375879,
  "gsr_x": -0.02018645592033863,
  "gsr_y": 0.05307316780090332,
  "provenance": {
    "md5sum": "954591a637f6ef3bf96e2c7d572793f5",
    "settings": {
      "fd_thres": 0.2,
      "testing": false
    },
    "software": "mriqc",
    "version": "21.0.0rc2",
    "webapi_port": null,
    "webapi_url": "https://mriqc.nimh.nih.gov/api/v1"
  },
  "size_t": 400,
  "size_x": 64,
  "size_y": 64,
  "size_z": 27,
  "snr": 5.9708157114838425,
  "spacing_tr": 1.5,
  "spacing_x": 3.0,
  "spacing_y": 3.0,
  "spacing_z": 4.0,
  "summary_bg_k": 32.61489390872657,
  "summary_bg_mad": 14.397920539956989,
  "summary_bg_mean": 42.41034698486328,
  "summary_bg_median": 19.28499984741211,
  "summary_bg_n": 50306.0,
  "summary_bg_p05": 7.739999771118164,
  "summary_bg_p95": 142.5800018310547,
  "summary_bg_stdv": 66.71846771240234,
  "summary_fg_k": 1.6060623901227826,
  "summary_fg_mad": 118.30050856303366,
  "summary_fg_mean": 808.892578125,
  "summary_fg_median": 792.510009765625,
  "summary_fg_n": 31463.0,
  "summary_fg_p05": 635.4375,
  "summary_fg_p95": 1059.8819458007813,
  "summary_fg_stdv": 132.72850036621094,
  "tsnr": 77.60235285735689
}