{
  "aor": 0.0002744807692307692,
  "aqi": 0.0056178044903846145,
  "bids_meta": {
    "CogAtlasID": "https://www.cognitiveatlas.org/task/id/trm_4c8991fadfe01",
    "DeviceSerialNumber": "45031",
    "DwellTime": 5.4e-06,
    "EchoTime": 0.028,
    "EffectiveEchoSpacing": 0.000390001,
    "FlipAngle": 64,
    "InstitutionAddress": "Washington Rd, Princeton, NJ 08540, USA",
    "InstitutionName": "Princeton University",
    "InstitutionalDepartmentName": "Princeton Neuroscience Institute",
    "MagneticFieldStrength": 3,
    "Manufacturer": "Siemens",
    "ManufacturersModelName": "Skyra",
    "NumberOfVolumesDiscardedByScanner": 3,
    "ParallelReductionFactorInPlane": 2,
    "ParallelReductionType": "GRAPPA",
    "PartialFourier": 1,
    "PhaseEncodingDirection": "j-",
    "PixelBandwidth": 1445,
    "PulseSequenceDetails": "%SiemensSeq%_ep2d_bold",
    "PulseSequenceType": "Gradient Echo EPI",
    "ReceiveCoilActiveElements": "HE1-4",
    "ReceiveCoilName": "HeadNeck_20",
    "RepetitionTime": 1.5,
    "ScanOptions": "FS",
    "ScanningSequence": "EP",
    "SequenceName": "_epfid2d1_64",
    "SequenceVariant": "SK",
    "SliceTiming": [
      0,
      0.7775,
      0.055,
      0.8325,
      0.1125,
      0.89,
      0.1675,
      0.945,
      0.2225,
      1,
      0.2775,
      1.055,
      0.3325,
      1.11,
      0.39,
      1.1675,
      0.445,
      1.2225,
      0.5,
      1.2775,
      0.555,
      1.3325,
      0.6125,
      1.39,
      0.6675,
      1.445,
      0.7225
    ],
    "SoftwareVersions": "syngo_MR_D11",
    "StationName": "AWP45031",
    "TaskDescription": "Passively listened to audio story 'tunnel'",
    "TaskName": "tunnel",
    "TotalReadoutTime": 0.0245701,
    "dataset": "ds002345",
    "modality": "bold",
    "subject_id": "065",
    "task_id": "tunnel"
  },
  "dummy_trs": 0,
  "dvars_nstd": 18.11663306742059,
  "dvars_std": 1.092106651424447,
  "dvars_vstd": 0.9752951524542817,
  "efc": 0.6224498908066964,
  "fber": 1562.9876708984375,
  "fd_mean": 0.09389432739453223,
  "fd_num": 10,
  "fd_perc": 0.9615384615384616,
  "fwhm_avg": 1.8343999999999998,
  "fwhm_x": 1.8297066666666666,
  "fwhm_y": 2.020793333333333,
  "fwhm_z": 1.6527,
  "gcor": 0.18931,
  "gsr_x": -0.021149059757590294,
  "gsr_y": 0.051888056099414825,
  "provenance": {
    "md5sum": "0ed31fc608a789f94cc869466818a809",
    "settings": {
      "fd_thres": 0.2,
      "testing": false
    },
    "software": "mriqc",
    "version": "21.0.0rc2",
    "webapi_port": null,
    "webapi_url": "https://mriqc.nimh.nih.gov/api/v1"
  },
  "size_t": 1040,
  "size_x": 64,
  "size_y": 64,
  "size_z": 27,
  "snr": 5.926642259589464,
  "spacing_tr": 1.5,
  "spacing_x": 3.0,
  "spacing_y": 3.0,
  "spacing_z": 4.0,
  "summary_bg_k": 30.890991773501675,
  "summary_bg_mad": 12.614236148760126,
  "summary_bg_mean": 39.2963981628418,
  "summary_bg_median": 17.436538696289062,
  "summary_bg_n": 49536.0,
  "summary_bg_p05": 7.267307758331299,
  "summary_bg_p95": 133.91058349609375,
  "summary_bg_stdv": 61.40534591674805,
  "summary_fg_k": 1.831640767805692,
  "summary_fg_mad": 107.84926691103755,
  "summary_fg_mean": 762.3605346679688,
  "summary_fg_median": 747.09228515625,
  "summary_fg_n": 31929.0,
  "summary_fg_p05": 596.790771484375,
  "summary_fg_p95": 999.7317260742185,
  "summary_fg_stdv": 126.05461120605469,
  "tsnr": 66.32536062574945
}