{
  "aor": 0.0022339240506329115,
  "aqi": 0.005096087879746835,
  "bids_meta": {
    "CogAtlasID": "https://www.cognitiveatlas.org/task/id/trm_4c8991fadfe01",
    "DeviceSerialNumber": "66018",
    "DwellTime": 4.2e-06,
    "EchoTime": 0.039,
    "EffectiveEchoSpacing": 0.000929976,
    "FlipAngle": 50,
    "InstitutionAddress": "Washington Rd, Princeton, NJ 08540, USA",
    "InstitutionName": "Princeton University",
    "InstitutionalDepartmentName": "Princeton Neuroscience Institute",
    "MagneticFieldStrength": 3,
    "Manufacturer": "Siemens",
    "ManufacturersModelName": "Prisma",
    "NumberOfVolumesDiscardedByScanner": 3,
    "ParallelReductionType": "GRAPPA",
    "PartialFourier": 0.75,
    "PhaseEncodingDirection": "j-",
    "PixelBandwidth": 1240,
    "PulseSequenceDetails": "%CustomerSeq%_ep2d_bold_sms_mgh_v22",
    "PulseSequenceType": "Gradient Echo EPI",
    "ReceiveCoilActiveElements": "HC1-7;NC1,2",
    "ReceiveCoilName": "HeadNeck_64",
    "RepetitionTime": 1.5,
    "ScanOptions": "PFP_FS",
    "ScanningSequence": "EP",
    "SequenceName": "epfSM2d1_96",
    "SequenceVariant": "SK",
    "SliceTiming": [
      0.6925,
      0,
      0.79,
      0.1,
      0.8875,
      0.1975,
      0.9875,
      0.2975,
      1.085,
      0.395,
      1.185,
      0.495,
      1.2825,
      0.5925,
      1.3825,
      0.6925,
      0,
      0.79,
      0.1,
      0.8875,
      0.1975,
      0.9875,
      0.2975,
      1.085,
      0.395,
      1.185,
      0.495,
      1.2825,
      0.5925,
      1.3825,
      0.6925,
      0,
      0.79,
      0.1,
      0.8875,
      0.1975,
      0.9875,
      0.2975,
      1.085,
      0.395,
      1.185,
      0.495,
      1.2825,
      0.5925,
      1.3825,
      0.6925,
      0,
      0.79,
      0.1,
      0.8875,
      0.1975,
      0.9875,
      0.2975,
      1.085,
      0.395,
      1.185,
      0.495,
      1.2825,
      0.5925,
      1.3825
    ],
    "SoftwareVersions": "syngo_MR_D13D",
    "StationName": "AWP66018",
    "TaskDescription": "Passively listened to audio story 'shapesphysical'",
    "TaskName": "shapesphysical",
    "TotalReadoutTime": 0.0883478,
    "dataset": "ds002345",
    "modality": "bold",
    "subject_id": "243",
    "task_id": "shapesphysical"
  },
  "dummy_trs": 2,
  "dvars_nstd": 34.69832864196826,
  "dvars_std": 1.1086238329206346,
  "dvars_vstd": 1.0075045838412704,
  "efc": 0.6074334834802781,
  "fber": 211.17518615722656,
  "fd_mean": 0.07245600895606803,
  "fd_num": 7,
  "fd_perc": 2.2151898734177213,
  "fwhm_avg": 2.8513749999999995,
  "fwhm_x": 2.61307,
  "fwhm_y": 3.042535,
  "fwhm_z": 2.89852,
  "gcor": 0.00894551,
  "gsr_x": 0.016998665407299995,
  "gsr_y": 0.04603656381368637,
  "provenance": {
    "md5sum": "4c8a204ace1d4f5401b26cea7600364f",
    "settings": {
      "fd_thres": 0.2,
      "testing": false
    },
    "software": "mriqc",
    "version": "22.0.0rc1",
    "webapi_port": null,
    "webapi_url": "https://mriqc.nimh.nih.gov/api/v1"
  },
  "size_t": 316,
  "size_x": 96,
  "size_y": 96,
  "size_z": 60,
  "snr": 1.9144977812403767,
  "spacing_tr": 1.5,
  "spacing_x": 2.0,
  "spacing_y": 2.0,
  "spacing_z": 2.0,
  "summary_bg_k": 48.09354753313076,
  "summary_bg_mad": 12.780405642557097,
  "summary_bg_mean": 60.005104064941406,
  "summary_bg_median": 31.395570755004883,
  "summary_bg_n": 299420.0,
  "summary_bg_p05": 20.946203231811523,
  "summary_bg_p95": 193.6519012451172,
  "summary_bg_stdv": 80.93536376953125,
  "summary_fg_k": 4.221806210421794,
  "summary_fg_mad": 191.89848799747378,
  "summary_fg_mean": 522.9163818359375,
  "summary_fg_median": 470.7879943847656,
  "summary_fg_n": 164227.0,
  "summary_fg_p05": 244.31740722656255,
  "summary_fg_p95": 992.9000122070312,
  "summary_fg_stdv": 245.90603637695312,
  "tsnr": 42.69010212086141
}