{
  "aor": 0.002191870967741936,
  "aqi": 0.005707050387096774,
  "bids_meta": {
    "CogAtlasID": "https://www.cognitiveatlas.org/task/id/trm_4c8991fadfe01",
    "DeviceSerialNumber": "66018",
    "DwellTime": 4.2e-06,
    "EchoTime": 0.039,
    "EffectiveEchoSpacing": 0.000929976,
    "FlipAngle": 50,
    "InstitutionAddress": "Washington Rd, Princeton, NJ 08540, USA",
    "InstitutionName": "Princeton University",
    "InstitutionalDepartmentName": "Princeton Neuroscience Institute",
    "MagneticFieldStrength": 3,
    "Manufacturer": "Siemens",
    "ManufacturersModelName": "Prisma",
    "NumberOfVolumesDiscardedByScanner": 3,
    "ParallelReductionType": "GRAPPA",
    "PartialFourier": 0.75,
    "PhaseEncodingDirection": "j-",
    "PixelBandwidth": 1240,
    "PulseSequenceDetails": "%CustomerSeq%_ep2d_bold_sms_mgh_v22",
    "PulseSequenceType": "Gradient Echo EPI",
    "ReceiveCoilActiveElements": "HC1-7;NC1,2",
    "ReceiveCoilName": "HeadNeck_64",
    "RepetitionTime": 1.5,
    "ScanOptions": "PFP_FS",
    "ScanningSequence": "EP",
    "SequenceName": "epfSM2d1_96",
    "SequenceVariant": "SK",
    "SliceTiming": [
      0.6925,
      0,
      0.79,
      0.1,
      0.8875,
      0.1975,
      0.9875,
      0.2975,
      1.085,
      0.395,
      1.185,
      0.495,
      1.2825,
      0.5925,
      1.3825,
      0.6925,
      0,
      0.79,
      0.1,
      0.8875,
      0.1975,
      0.9875,
      0.2975,
      1.085,
      0.395,
      1.185,
      0.495,
      1.2825,
      0.5925,
      1.3825,
      0.6925,
      0,
      0.79,
      0.1,
      0.8875,
      0.1975,
      0.9875,
      0.2975,
      1.085,
      0.395,
      1.185,
      0.495,
      1.2825,
      0.5925,
      1.3825,
      0.6925,
      0,
      0.79,
      0.1,
      0.8875,
      0.1975,
      0.9875,
      0.2975,
      1.085,
      0.395,
      1.185,
      0.495,
      1.2825,
      0.5925,
      1.3825
    ],
    "SoftwareVersions": "syngo_MR_D13D",
    "StationName": "AWP66018",
    "TaskDescription": "Passively listened to audio story 'shapessocial'",
    "TaskName": "shapessocial",
    "TotalReadoutTime": 0.0883478,
    "dataset": "ds002345",
    "modality": "bold",
    "subject_id": "243",
    "task_id": "shapessocial"
  },
  "dummy_trs": 1,
  "dvars_nstd": 36.87153281077669,
  "dvars_std": 1.1464848025242724,
  "dvars_vstd": 1.018342040938511,
  "efc": 0.6109709917882394,
  "fber": 196.2246856689453,
  "fd_mean": 0.08117827067886414,
  "fd_num": 11,
  "fd_perc": 3.5483870967741935,
  "fwhm_avg": 2.857658333333333,
  "fwhm_x": 2.6197,
  "fwhm_y": 3.05028,
  "fwhm_z": 2.902995,
  "gcor": 0.00687676,
  "gsr_x": 0.017157096415758133,
  "gsr_y": 0.043676894158124924,
  "provenance": {
    "md5sum": "154239b1037f3064a3c13026f4ea102c",
    "settings": {
      "fd_thres": 0.2,
      "testing": false
    },
    "software": "mriqc",
    "version": "22.0.0rc1",
    "webapi_port": null,
    "webapi_url": "https://mriqc.nimh.nih.gov/api/v1"
  },
  "size_t": 310,
  "size_x": 96,
  "size_y": 96,
  "size_z": 60,
  "snr": 1.9078784398301902,
  "spacing_tr": 1.5,
  "spacing_x": 2.0,
  "spacing_y": 2.0,
  "spacing_z": 2.0,
  "summary_bg_k": 43.35154678061136,
  "summary_bg_mad": 13.572986789938524,
  "summary_bg_mean": 62.605899810791016,
  "summary_bg_median": 32.52903366088867,
  "summary_bg_n": 298943.0,
  "summary_bg_p05": 21.564516067504883,
  "summary_bg_p95": 204.5225830078125,
  "summary_bg_stdv": 83.80133819580078,
  "summary_fg_k": 4.2853213347647365,
  "summary_fg_mad": 192.15000733746012,
  "summary_fg_mean": 523.477783203125,
  "summary_fg_median": 470.6741943359375,
  "summary_fg_n": 164193.0,
  "summary_fg_p05": 244.45547790527343,
  "summary_fg_p95": 996.7483886718749,
  "summary_fg_stdv": 246.69955444335938,
  "tsnr": 41.13754364196211
}