{
  "bids_meta": {
    "DeviceSerialNumber": "66018",
    "DwellTime": 9.8e-06,
    "EchoTime": 0.00267,
    "FlipAngle": 7,
    "InstitutionAddress": "Washington Rd, Building 25, Princeton, NJ 08540, USA",
    "InstitutionName": "Princeton University",
    "InstitutionalDepartmentName": "Princeton Neuroscience Institute",
    "InversionTime": 1.2,
    "MagneticFieldStrength": 3,
    "Manufacturer": "Siemens",
    "ManufacturersModelName": "Prisma",
    "ParallelReductionFactorInPlane": 2,
    "ParellelReductionType": "TODO",
    "PartialFourier": 1,
    "PixelBandwidth": 200,
    "PulseSequenceDetails": "%SiemensSeq%_tfl",
    "PulseSequenceType": "MPRAGE",
    "ReceiveCoilActiveElements": "HC1-7;NC1",
    "ReceiveCoilName": "HeadNeck_64",
    "RepetitionTime": 2.53,
    "ScanOptions": "IR",
    "ScanningSequence": "GR_IR",
    "SequenceName": "_tfl3d1_16",
    "SequenceVariant": "SK_SP_MP",
    "SoftwareVersions": "syngo_MR_D13D",
    "StationName": "AWP66018",
    "dataset": "ds002345",
    "modality": "T1w",
    "subject_id": "240"
  },
  "cjv": 0.37633344217603865,
  "cnr": 3.244503737560274,
  "efc": 0.5772690738452348,
  "fber": 434.5266933243796,
  "fwhm_avg": 3.875173333333333,
  "fwhm_x": 3.84724,
  "fwhm_y": 3.82078,
  "fwhm_z": 3.9575,
  "icvs_csf": 0.20585812892184222,
  "icvs_gm": 0.3793019839825129,
  "icvs_wm": 0.4148398870956449,
  "inu_med": 1.1213222742080688,
  "inu_range": 0.47778340578079237,
  "provenance": {
    "md5sum": "c444829747865d8f0e12f4e1d5f1ff7a",
    "settings": {
      "testing": false
    },
    "software": "mriqc",
    "version": "22.0.0rc1",
    "warnings": {
      "large_rot_frame": true,
      "small_air_mask": false
    },
    "webapi_port": null,
    "webapi_url": "https://mriqc.nimh.nih.gov/api/v1"
  },
  "qi_1": 1.341539080710345e-05,
  "qi_2": 0.002404137285959478,
  "rpve_csf": 24.71901324876948,
  "rpve_gm": 13.343591696014045,
  "rpve_wm": 15.936881749452532,
  "size_x": 176,
  "size_y": 256,
  "size_z": 256,
  "snr_csf": 3.2683370564863066,
  "snr_gm": 10.17923940885976,
  "snr_total": 11.81208872105236,
  "snr_wm": 21.98868969781101,
  "snrd_csf": 14.07915890857927,
  "snrd_gm": 24.562165859890534,
  "snrd_total": 24.255359388640034,
  "snrd_wm": 34.124753397450306,
  "spacing_x": 1.0,
  "spacing_y": 1.0,
  "spacing_z": 1.0,
  "summary_bg_k": 10.072754679340154,
  "summary_bg_mad": 19.19827455796817,
  "summary_bg_mean": 34.316365926197896,
  "summary_bg_median": 31.92505108192563,
  "summary_bg_n": 3051401.0,
  "summary_bg_p05": 7.936508025974035,
  "summary_bg_p95": 67.96753865852952,
  "summary_bg_stdv": 19.79445782825993,
  "summary_csf_k": 0.11237336334992598,
  "summary_csf_mad": 115.89741783842535,
  "summary_csf_mean": 385.071671535694,
  "summary_csf_median": 412.57907136529684,
  "summary_csf_n": 10452.0,
  "summary_csf_p05": 161.7466302992776,
  "summary_csf_p95": 556.4775095550343,
  "summary_csf_stdv": 126.22912720289769,
  "summary_gm_k": 0.31963191981489913,
  "summary_gm_mad": 66.972782674571,
  "summary_gm_mean": 715.1856796759199,
  "summary_gm_median": 719.7756376639009,
  "summary_gm_n": 12984.0,
  "summary_gm_p05": 591.4279813656583,
  "summary_gm_p95": 823.1889339722693,
  "summary_gm_stdv": 70.70743603015762,
  "summary_wm_k": 4.844571316637255,
  "summary_wm_mad": 38.48502042726338,
  "summary_wm_mean": 1003.0658887369539,
  "summary_wm_median": 1000.0000112727284,
  "summary_wm_n": 236847.0,
  "summary_wm_p05": 937.4030419550836,
  "summary_wm_p95": 1075.7250389792025,
  "summary_wm_stdv": 45.47783037306422,
  "tpm_overlap_csf": 0.16898809373378754,
  "tpm_overlap_gm": 0.41648051142692566,
  "tpm_overlap_wm": 0.5076062083244324,
  "wm2max": 0.3739790225396117
}