{
  "bids_meta": {
    "DeviceSerialNumber": "66018",
    "DwellTime": 9.8e-06,
    "EchoTime": 0.00267,
    "FlipAngle": 7,
    "InstitutionAddress": "Washington Rd, Building 25, Princeton, NJ 08540, USA",
    "InstitutionName": "Princeton University",
    "InstitutionalDepartmentName": "Princeton Neuroscience Institute",
    "InversionTime": 1.2,
    "MagneticFieldStrength": 3,
    "Manufacturer": "Siemens",
    "ManufacturersModelName": "Prisma",
    "ParallelReductionFactorInPlane": 2,
    "ParellelReductionType": "TODO",
    "PartialFourier": 1,
    "PixelBandwidth": 200,
    "PulseSequenceDetails": "%SiemensSeq%_tfl",
    "PulseSequenceType": "MPRAGE",
    "ReceiveCoilActiveElements": "HC1-7;NC1",
    "ReceiveCoilName": "HeadNeck_64",
    "RepetitionTime": 2.53,
    "ScanOptions": "IR",
    "ScanningSequence": "GR_IR",
    "SequenceName": "_tfl3d1_16",
    "SequenceVariant": "SK_SP_MP",
    "SoftwareVersions": "syngo_MR_D13D",
    "StationName": "AWP66018",
    "dataset": "ds002345",
    "modality": "T1w",
    "run_id": 1,
    "subject_id": "186"
  },
  "cjv": 0.412921611307389,
  "cnr": 2.8651969668767627,
  "efc": 0.5909697954621383,
  "fber": 352.5145263671875,
  "fwhm_avg": 3.8349399999999996,
  "fwhm_x": 3.71807,
  "fwhm_y": 3.85443,
  "fwhm_z": 3.93232,
  "icvs_csf": 0.20779278782160987,
  "icvs_gm": 0.3902642760896645,
  "icvs_wm": 0.4019429360887256,
  "inu_med": 1.7249897718429565,
  "inu_range": 0.9164123773574828,
  "provenance": {
    "md5sum": "c0038793f0eed6c750c8bb1c232b8431",
    "settings": {
      "testing": false
    },
    "software": "mriqc",
    "version": "22.0.0rc1",
    "warnings": {
      "large_rot_frame": true,
      "small_air_mask": false
    },
    "webapi_port": null,
    "webapi_url": "https://mriqc.nimh.nih.gov/api/v1"
  },
  "qi_1": 3.260354887121498e-06,
  "qi_2": 0.0025465244264763747,
  "rpve_csf": 22.12891771419937,
  "rpve_gm": 11.863877611468535,
  "rpve_wm": 14.800672670094242,
  "size_x": 176,
  "size_y": 256,
  "size_z": 256,
  "snr_csf": 3.812091767599526,
  "snr_gm": 10.290761836826874,
  "snr_total": 10.331232877032651,
  "snr_wm": 16.890845026671553,
  "snrd_csf": 13.870709218982318,
  "snrd_gm": 21.40253491453087,
  "snrd_total": 21.55784458963569,
  "snrd_wm": 29.400289635393875,
  "spacing_x": 1.0,
  "spacing_y": 1.0,
  "spacing_z": 1.0,
  "summary_bg_k": 2.0468604094485165,
  "summary_bg_mad": 22.2836000251801,
  "summary_bg_mean": 37.586849212646484,
  "summary_bg_median": 35.89459228515625,
  "summary_bg_n": 3738189.0,
  "summary_bg_p05": 0.0,
  "summary_bg_p95": 76.02346649169921,
  "summary_bg_stdv": 22.477462768554688,
  "summary_csf_k": 14.87343290917326,
  "summary_csf_mad": 105.95524800634811,
  "summary_csf_mean": 451.0406799316406,
  "summary_csf_median": 471.79388427734375,
  "summary_csf_n": 6664.0,
  "summary_csf_p05": 223.90663070678713,
  "summary_csf_p95": 605.065249633789,
  "summary_csf_stdv": 123.75318145751953,
  "summary_gm_k": 0.29615981670461133,
  "summary_gm_mad": 66.42372847091156,
  "summary_gm_mean": 724.3433227539062,
  "summary_gm_median": 727.97900390625,
  "summary_gm_n": 15549.0,
  "summary_gm_p05": 601.0265258789062,
  "summary_gm_p95": 836.1324462890623,
  "summary_gm_stdv": 70.7387466430664,
  "summary_wm_k": 7.754996167495733,
  "summary_wm_mad": 45.90460968710357,
  "summary_wm_mean": 1006.3264770507812,
  "summary_wm_median": 1000.0120849609375,
  "summary_wm_n": 241046.0,
  "summary_wm_p05": 927.5679779052734,
  "summary_wm_p95": 1101.5657958984375,
  "summary_wm_stdv": 59.204261779785156,
  "tpm_overlap_csf": 0.14635777473449707,
  "tpm_overlap_gm": 0.42104190587997437,
  "tpm_overlap_wm": 0.5041671395301819,
  "wm2max": 0.3425310182277191
}