{
  "aor": 0.006545741648106904,
  "aqi": 0.03543623484187083,
  "bids_meta": {
    "CogAtlasID": "https://www.cognitiveatlas.org/task/id/trm_4c8991fadfe01",
    "DeviceSerialNumber": "45031",
    "DwellTime": 4.9e-06,
    "EchoTime": 0.028,
    "EffectiveEchoSpacing": 0.000355001,
    "FlipAngle": 64,
    "InstitutionAddress": "Washington Rd, Princeton, NJ 08540, USA",
    "InstitutionName": "Princeton University",
    "InstitutionalDepartmentName": "Princeton Neuroscience Institute",
    "MagneticFieldStrength": 3,
    "Manufacturer": "Siemens",
    "ManufacturersModelName": "Skyra",
    "NumberOfVolumesDiscardedByScanner": 3,
    "ParallelReductionFactorInPlane": 2,
    "ParallelReductionType": "GRAPPA",
    "PartialFourier": 1,
    "PhaseEncodingDirection": "j-",
    "PixelBandwidth": 1595,
    "PulseSequenceDetails": "%SiemensSeq%_ep2d_bold",
    "PulseSequenceType": "Gradient Echo EPI",
    "ReceiveCoilActiveElements": "HE1-4",
    "ReceiveCoilName": "HeadNeck_20",
    "RepetitionTime": 1.5,
    "ScanOptions": "FS",
    "ScanningSequence": "EP",
    "SequenceName": "_epfid2d1_64",
    "SequenceVariant": "SK",
    "SliceTiming": [
      0,
      0.7675,
      0.055,
      0.8225,
      0.11,
      0.8775,
      0.165,
      0.9325,
      0.22,
      0.9875,
      0.275,
      1.0425,
      0.33,
      1.0975,
      0.385,
      1.1525,
      0.44,
      1.2075,
      0.495,
      1.2625,
      0.55,
      1.315,
      0.6025,
      1.37,
      0.6575,
      1.425,
      0.7125
    ],
    "SoftwareVersions": "syngo_MR_E11",
    "StationName": "AWP45031",
    "TaskDescription": "Passively listened to audio story '21styear'",
    "TaskName": "21styear",
    "TotalReadoutTime": 0.022365,
    "dataset": "ds002345",
    "modality": "bold",
    "subject_id": "269",
    "task_id": "21styear"
  },
  "dummy_trs": 4,
  "dvars_nstd": 19.883876701515167,
  "dvars_std": 1.1539501467112288,
  "dvars_vstd": 1.0364636223752244,
  "efc": 0.5843234319666899,
  "fber": 2007.584228515625,
  "fd_mean": 0.1654211896209245,
  "fd_num": 390,
  "fd_perc": 17.37193763919822,
  "fwhm_avg": 1.742006388888889,
  "fwhm_x": 1.6879033333333335,
  "fwhm_y": 1.9844833333333334,
  "fwhm_z": 1.5536325,
  "gcor": 0.010767,
  "gsr_x": 0.010471222922205925,
  "gsr_y": 0.025901371613144875,
  "provenance": {
    "md5sum": "83e023768aa4e4b6e8ae6fc0f154f289",
    "settings": {
      "fd_thres": 0.2,
      "testing": false
    },
    "software": "mriqc",
    "version": "22.0.0rc1",
    "webapi_port": null,
    "webapi_url": "https://mriqc.nimh.nih.gov/api/v1"
  },
  "size_t": 2245,
  "size_x": 64,
  "size_y": 64,
  "size_z": 27,
  "snr": 7.741660824409674,
  "spacing_tr": 1.5,
  "spacing_x": 3.0,
  "spacing_y": 3.0,
  "spacing_z": 4.0,
  "summary_bg_k": 16.748516281816126,
  "summary_bg_mad": 9.477427110789538,
  "summary_bg_mean": 38.328216552734375,
  "summary_bg_median": 14.52160358428955,
  "summary_bg_n": 55945.0,
  "summary_bg_p05": 6.513496589660645,
  "summary_bg_p95": 160.27822265624977,
  "summary_bg_stdv": 68.63243103027344,
  "summary_fg_k": 2.6944713847288986,
  "summary_fg_mad": 83.00129170463667,
  "summary_fg_mean": 683.3500366210938,
  "summary_fg_median": 676.1754760742188,
  "summary_fg_n": 26487.0,
  "summary_fg_p05": 567.2510559082032,
  "summary_fg_p95": 831.556085205078,
  "summary_fg_stdv": 87.34078216552734,
  "tsnr": 40.73357522347942
}