{
  "aor": 0.0034077007299270073,
  "aqi": 0.012820771058394161,
  "bids_meta": {
    "AcquisitionMatrixPE": 96,
    "BandwidthPerPixelPhaseEncode": 20.425,
    "BaseResolution": 96,
    "BodyPartExamined": "BRAIN",
    "ConsistencyInfo": "N4_VE11C_LATEST_20160120",
    "ConversionSoftware": "dcm2niix",
    "ConversionSoftwareVersion": "v1.0.20180328 GCC6.3.0",
    "DerivedVendorReportedEchoSpacing": 0.000509996,
    "DeviceSerialNumber": "66018",
    "DwellTime": 2.1e-06,
    "EchoTime": 0.031,
    "EchoTrainLength": 96,
    "EffectiveEchoSpacing": 0.000509996,
    "FlipAngle": 67,
    "ImageOrientationPatientDICOM": [
      1,
      0,
      0,
      0,
      1,
      0
    ],
    "ImageType": [
      "ORIGINAL",
      "PRIMARY",
      "M",
      "ND",
      "NORM",
      "MOSAIC"
    ],
    "InPlanePhaseEncodingDirectionDICOM": "COL",
    "InstitutionAddress": "Washington Rd, Princeton, NJ 08540, USA",
    "InstitutionName": "Princeton University",
    "InstitutionalDepartmentName": "Princeton Neuroscience Institute",
    "MRAcquisitionType": "2D",
    "MagneticFieldStrength": 3,
    "Manufacturer": "Siemens",
    "ManufacturersModelName": "Prisma",
    "Modality": "MR",
    "MultibandAccelerationFactor": 3,
    "NumberOfVolumesDiscardedByScanner": 3,
    "PartialFourier": 1,
    "PatientPosition": "HFS",
    "PercentPhaseFOV": 100,
    "PhaseEncodingDirection": "j-",
    "PhaseEncodingSteps": 96,
    "PhaseResolution": 1,
    "PixelBandwidth": 2480,
    "ProcedureStepDescription": "Hasson_Nastase_042518_Storyteller",
    "ProtocolName": "func_task-black",
    "PulseSequenceDetails": "%SiemensSeq%_ep2d_bold",
    "ReceiveCoilActiveElements": "HC1-7;NC1,2",
    "ReceiveCoilName": "HeadNeck_64",
    "ReconMatrixPE": 96,
    "RepetitionTime": 1.5,
    "SAR": 0.0522462,
    "ScanOptions": "FS",
    "ScanningSequence": "EP",
    "SequenceName": "_epfid2d1_96",
    "SequenceVariant": "SK",
    "SeriesDescription": "func_task-black",
    "SeriesNumber": 9,
    "ShimSetting": [
      762,
      544,
      2130,
      563,
      -62,
      219,
      256,
      22
    ],
    "SliceThickness": 2.5,
    "SliceTiming": [
      1.11,
      0,
      0.74,
      0.0925,
      0.8325,
      0.185,
      0.925,
      0.2775,
      1.0175,
      0.4625,
      1.2025,
      0.555,
      1.295,
      0.6475,
      1.3875,
      0.37,
      1.11,
      0,
      0.74,
      0.0925,
      0.8325,
      0.185,
      0.925,
      0.2775,
      1.0175,
      0.4625,
      1.2025,
      0.555,
      1.295,
      0.6475,
      1.3875,
      0.37,
      1.11,
      0,
      0.74,
      0.0925,
      0.8325,
      0.185,
      0.925,
      0.2775,
      1.0175,
      0.4625,
      1.2025,
      0.555,
      1.295,
      0.6475,
      1.3875,
      0.37
    ],
    "SoftwareVersions": "syngo_MR_E11",
    "SpacingBetweenSlices": 2.5,
    "StationName": "AWP66018",
    "TaskDescription": "Passively listened to audio story 'black'",
    "TaskName": "black",
    "TotalReadoutTime": 0.0484496,
    "TxRefAmp": 258.257,
    "dataset": "ds002345",
    "modality": "bold",
    "subject_id": "300",
    "task_id": "black"
  },
  "dummy_trs": 2,
  "dvars_nstd": 31.319390884259594,
  "dvars_std": 1.2588477259232178,
  "dvars_vstd": 0.9832523354661792,
  "efc": 0.500460630994936,
  "fber": 3262.02294921875,
  "fd_mean": 0.17582593609961458,
  "fd_num": 168,
  "fd_perc": 30.656934306569344,
  "fwhm_avg": 2.009682666666667,
  "fwhm_x": 1.9036000000000002,
  "fwhm_y": 2.153616,
  "fwhm_z": 1.9718319999999998,
  "gcor": 0.0362632,
  "gsr_x": -0.018084542825818062,
  "gsr_y": 0.04887301102280617,
  "provenance": {
    "md5sum": "6491e004bef77dfc8ac0b694164e2055",
    "settings": {
      "fd_thres": 0.2,
      "testing": false
    },
    "software": "mriqc",
    "version": "22.0.0rc1",
    "webapi_port": null,
    "webapi_url": "https://mriqc.nimh.nih.gov/api/v1"
  },
  "size_t": 548,
  "size_x": 96,
  "size_y": 96,
  "size_z": 48,
  "snr": 4.732675585235139,
  "spacing_tr": 1.5,
  "spacing_x": 2.5,
  "spacing_y": 2.5,
  "spacing_z": 2.5,
  "summary_bg_k": 50.23549374296344,
  "summary_bg_mad": 8.035270771038993,
  "summary_bg_mean": 34.13312530517578,
  "summary_bg_median": 12.656933784484863,
  "summary_bg_n": 292157.0,
  "summary_bg_p05": 5.474452495574951,
  "summary_bg_p95": 143.38504028320312,
  "summary_bg_stdv": 68.95951080322266,
  "summary_fg_k": 1.4636695767822063,
  "summary_fg_mad": 143.91792753554495,
  "summary_fg_mean": 736.8905029296875,
  "summary_fg_median": 725.8978271484375,
  "summary_fg_n": 86186.0,
  "summary_fg_p05": 522.4534759521484,
  "summary_fg_p95": 996.2408599853516,
  "summary_fg_stdv": 153.37911987304688,
  "tsnr": 47.545648070052266
}