{
  "aor": 0.0007973376623376623,
  "aqi": 0.011256677629870128,
  "bids_meta": {
    "CogAtlasID": "https://www.cognitiveatlas.org/task/id/trm_4c8991fadfe01",
    "DeviceSerialNumber": "66018",
    "DwellTime": 4.2e-06,
    "EchoTime": 0.039,
    "EffectiveEchoSpacing": 0.000929976,
    "FlipAngle": 50,
    "InstitutionAddress": "Washington Rd, Princeton, NJ 08540, USA",
    "InstitutionName": "Princeton University",
    "InstitutionalDepartmentName": "Princeton Neuroscience Institute",
    "MagneticFieldStrength": 3,
    "Manufacturer": "Siemens",
    "ManufacturersModelName": "Prisma",
    "NumberOfVolumesDiscardedByScanner": 3,
    "ParallelReductionType": "GRAPPA",
    "PartialFourier": 0.75,
    "PhaseEncodingDirection": "j-",
    "PixelBandwidth": 1240,
    "PulseSequenceDetails": "%CustomerSeq%_ep2d_bold_sms_mgh_v22",
    "PulseSequenceType": "Gradient Echo EPI",
    "ReceiveCoilActiveElements": "HC1-7;NC1,2",
    "ReceiveCoilName": "HeadNeck_64",
    "RepetitionTime": 1.5,
    "ScanOptions": "PFP_FS",
    "ScanningSequence": "EP",
    "SequenceName": "epfSM2d1_96",
    "SequenceVariant": "SK",
    "SliceTiming": [
      0.6925,
      0,
      0.79,
      0.1,
      0.8875,
      0.1975,
      0.9875,
      0.2975,
      1.085,
      0.395,
      1.185,
      0.495,
      1.2825,
      0.5925,
      1.3825,
      0.6925,
      0,
      0.79,
      0.1,
      0.8875,
      0.1975,
      0.9875,
      0.2975,
      1.085,
      0.395,
      1.185,
      0.495,
      1.2825,
      0.5925,
      1.3825,
      0.6925,
      0,
      0.79,
      0.1,
      0.8875,
      0.1975,
      0.9875,
      0.2975,
      1.085,
      0.395,
      1.185,
      0.495,
      1.2825,
      0.5925,
      1.3825,
      0.6925,
      0,
      0.79,
      0.1,
      0.8875,
      0.1975,
      0.9875,
      0.2975,
      1.085,
      0.395,
      1.185,
      0.495,
      1.2825,
      0.5925,
      1.3825
    ],
    "SoftwareVersions": "syngo_MR_D13D",
    "StationName": "AWP66018",
    "TaskDescription": "Passively listened to audio story 'shapesphysical'",
    "TaskName": "shapesphysical",
    "TotalReadoutTime": 0.0883478,
    "dataset": "ds002345",
    "modality": "bold",
    "subject_id": "225",
    "task_id": "shapesphysical"
  },
  "dummy_trs": 2,
  "dvars_nstd": 32.99883902732899,
  "dvars_std": 0.9707942561563522,
  "dvars_vstd": 0.9396448219218244,
  "efc": 0.5883898730875747,
  "fber": 282.0127868652344,
  "fd_mean": 0.1106309423331094,
  "fd_num": 26,
  "fd_perc": 8.441558441558442,
  "fwhm_avg": 2.8907483333333333,
  "fwhm_x": 2.74498,
  "fwhm_y": 3.06681,
  "fwhm_z": 2.860455,
  "gcor": 0.0155354,
  "gsr_x": 0.00512389512732625,
  "gsr_y": 0.06636718660593033,
  "provenance": {
    "md5sum": "48e7c95da06ba393a0a83e45ff8ca458",
    "settings": {
      "fd_thres": 0.2,
      "testing": false
    },
    "software": "mriqc",
    "version": "22.0.0rc1",
    "webapi_port": null,
    "webapi_url": "https://mriqc.nimh.nih.gov/api/v1"
  },
  "size_t": 308,
  "size_x": 96,
  "size_y": 96,
  "size_z": 60,
  "snr": 1.926135902965969,
  "spacing_tr": 1.5,
  "spacing_x": 2.0,
  "spacing_y": 2.0,
  "spacing_z": 2.0,
  "summary_bg_k": 73.97378983661655,
  "summary_bg_mad": 8.731949282869262,
  "summary_bg_mean": 47.65522766113281,
  "summary_bg_median": 26.678571701049805,
  "summary_bg_n": 304147.0,
  "summary_bg_p05": 19.11688232421875,
  "summary_bg_p95": 143.39220733642594,
  "summary_bg_stdv": 67.32772827148438,
  "summary_fg_k": 5.358255723268945,
  "summary_fg_mad": 185.72963571245515,
  "summary_fg_mean": 511.4752197265625,
  "summary_fg_median": 460.2727355957031,
  "summary_fg_n": 160297.0,
  "summary_fg_p05": 242.32012939453125,
  "summary_fg_p95": 959.742858886718,
  "summary_fg_stdv": 238.96096801757812,
  "tsnr": 31.357017339207232
}