{
  "aor": 0.0010214610389610392,
  "aqi": 0.008969853571428571,
  "bids_meta": {
    "CogAtlasID": "https://www.cognitiveatlas.org/task/id/trm_4c8991fadfe01",
    "DeviceSerialNumber": "66018",
    "DwellTime": 4.2e-06,
    "EchoTime": 0.039,
    "EffectiveEchoSpacing": 0.000929976,
    "FlipAngle": 50,
    "InstitutionAddress": "Washington Rd, Princeton, NJ 08540, USA",
    "InstitutionName": "Princeton University",
    "InstitutionalDepartmentName": "Princeton Neuroscience Institute",
    "MagneticFieldStrength": 3,
    "Manufacturer": "Siemens",
    "ManufacturersModelName": "Prisma",
    "NumberOfVolumesDiscardedByScanner": 3,
    "ParallelReductionType": "GRAPPA",
    "PartialFourier": 0.75,
    "PhaseEncodingDirection": "j-",
    "PixelBandwidth": 1240,
    "PulseSequenceDetails": "%CustomerSeq%_ep2d_bold_sms_mgh_v22",
    "PulseSequenceType": "Gradient Echo EPI",
    "ReceiveCoilActiveElements": "HC1-7;NC1,2",
    "ReceiveCoilName": "HeadNeck_64",
    "RepetitionTime": 1.5,
    "ScanOptions": "PFP_FS",
    "ScanningSequence": "EP",
    "SequenceName": "epfSM2d1_96",
    "SequenceVariant": "SK",
    "SliceTiming": [
      0.6925,
      0,
      0.79,
      0.1,
      0.8875,
      0.1975,
      0.9875,
      0.2975,
      1.085,
      0.395,
      1.185,
      0.495,
      1.2825,
      0.5925,
      1.3825,
      0.6925,
      0,
      0.79,
      0.1,
      0.8875,
      0.1975,
      0.9875,
      0.2975,
      1.085,
      0.395,
      1.185,
      0.495,
      1.2825,
      0.5925,
      1.3825,
      0.6925,
      0,
      0.79,
      0.1,
      0.8875,
      0.1975,
      0.9875,
      0.2975,
      1.085,
      0.395,
      1.185,
      0.495,
      1.2825,
      0.5925,
      1.3825,
      0.6925,
      0,
      0.79,
      0.1,
      0.8875,
      0.1975,
      0.9875,
      0.2975,
      1.085,
      0.395,
      1.185,
      0.495,
      1.2825,
      0.5925,
      1.3825
    ],
    "SoftwareVersions": "syngo_MR_D13D",
    "StationName": "AWP66018",
    "TaskDescription": "Passively listened to audio story 'shapessocial'",
    "TaskName": "shapessocial",
    "TotalReadoutTime": 0.0883478,
    "dataset": "ds002345",
    "modality": "bold",
    "subject_id": "225",
    "task_id": "shapessocial"
  },
  "dummy_trs": 1,
  "dvars_nstd": 33.81928926032574,
  "dvars_std": 1.0250508998371328,
  "dvars_vstd": 0.9659953718566779,
  "efc": 0.5880801542712748,
  "fber": 290.61480712890625,
  "fd_mean": 0.11428770950215504,
  "fd_num": 18,
  "fd_perc": 5.8441558441558445,
  "fwhm_avg": 2.873181666666667,
  "fwhm_x": 2.7271,
  "fwhm_y": 3.044605,
  "fwhm_z": 2.84784,
  "gcor": 0.0272068,
  "gsr_x": 0.00335905235260725,
  "gsr_y": 0.06624624878168106,
  "provenance": {
    "md5sum": "f184b96622e9e1df15717dc0d1535a25",
    "settings": {
      "fd_thres": 0.2,
      "testing": false
    },
    "software": "mriqc",
    "version": "22.0.0rc1",
    "webapi_port": null,
    "webapi_url": "https://mriqc.nimh.nih.gov/api/v1"
  },
  "size_t": 308,
  "size_x": 96,
  "size_y": 96,
  "size_z": 60,
  "snr": 1.9272249516735045,
  "spacing_tr": 1.5,
  "spacing_x": 2.0,
  "spacing_y": 2.0,
  "spacing_z": 2.0,
  "summary_bg_k": 68.62785510389159,
  "summary_bg_mad": 8.313163247431929,
  "summary_bg_mean": 47.56632995605469,
  "summary_bg_median": 26.701297760009766,
  "summary_bg_n": 303335.0,
  "summary_bg_p05": 19.496753692626953,
  "summary_bg_p95": 142.1698089599609,
  "summary_bg_stdv": 66.70672607421875,
  "summary_fg_k": 5.488959714544059,
  "summary_fg_mad": 188.68520287308263,
  "summary_fg_mean": 520.3886108398438,
  "summary_fg_median": 468.6915588378906,
  "summary_fg_n": 161092.0,
  "summary_fg_p05": 248.20016326904297,
  "summary_fg_p95": 973.7334411621092,
  "summary_fg_stdv": 243.1942901611328,
  "tsnr": 34.597836980363354
}