{
  "aor": 0.0016029478827361565,
  "aqi": 0.015356258078175894,
  "bids_meta": {
    "CogAtlasID": "https://www.cognitiveatlas.org/task/id/trm_4c8991fadfe01",
    "DeviceSerialNumber": "45031",
    "DwellTime": 4.9e-06,
    "EchoTime": 0.028,
    "EffectiveEchoSpacing": 0.000355001,
    "FlipAngle": 64,
    "InstitutionAddress": "Washington Rd, Princeton, NJ 08540, USA",
    "InstitutionName": "Princeton University",
    "InstitutionalDepartmentName": "Princeton Neuroscience Institute",
    "MagneticFieldStrength": 3,
    "Manufacturer": "Siemens",
    "ManufacturersModelName": "Skyra",
    "NumberOfVolumesDiscardedByScanner": 3,
    "ParallelReductionFactorInPlane": 2,
    "ParallelReductionType": "GRAPPA",
    "PartialFourier": 1,
    "PhaseEncodingDirection": "j-",
    "PixelBandwidth": 1595,
    "PulseSequenceDetails": "%SiemensSeq%_ep2d_bold",
    "PulseSequenceType": "Gradient Echo EPI",
    "ReceiveCoilActiveElements": "HE1-4",
    "ReceiveCoilName": "HeadNeck_20",
    "RepetitionTime": 1.5,
    "ScanOptions": "FS",
    "ScanningSequence": "EP",
    "SequenceName": "_epfid2d1_64",
    "SequenceVariant": "SK",
    "SliceTiming": [
      0,
      0.7675,
      0.055,
      0.8225,
      0.1075,
      0.875,
      0.1625,
      0.93,
      0.2175,
      0.985,
      0.2725,
      1.04,
      0.3275,
      1.095,
      0.3825,
      1.15,
      0.4375,
      1.205,
      0.4925,
      1.26,
      0.5475,
      1.315,
      0.6025,
      1.37,
      0.6575,
      1.425,
      0.7125
    ],
    "SoftwareVersions": "syngo_MR_D13",
    "StationName": "AWP45031",
    "TaskDescription": "Passively listened to audio story 'merlin'",
    "TaskName": "merlin",
    "TotalReadoutTime": 0.022365,
    "dataset": "ds002345",
    "modality": "bold",
    "subject_id": "172",
    "task_id": "merlin"
  },
  "dummy_trs": 0,
  "dvars_nstd": 19.1808501985155,
  "dvars_std": 1.16040077817292,
  "dvars_vstd": 0.9733971584013046,
  "efc": 0.5932064741031783,
  "fber": 2137.60791015625,
  "fd_mean": 0.07767632366778154,
  "fd_num": 5,
  "fd_perc": 0.8143322475570033,
  "fwhm_avg": 1.7182513888888888,
  "fwhm_x": 1.6685633333333334,
  "fwhm_y": 1.9509133333333333,
  "fwhm_z": 1.5352775,
  "gcor": 0.00761014,
  "gsr_x": -0.0073086260817945,
  "gsr_y": 0.02743389829993248,
  "provenance": {
    "md5sum": "b4da0a9fcf94c1b2b7acc2797477bdf9",
    "settings": {
      "fd_thres": 0.2,
      "testing": false
    },
    "software": "mriqc",
    "version": "22.0.0rc1",
    "webapi_port": null,
    "webapi_url": "https://mriqc.nimh.nih.gov/api/v1"
  },
  "size_t": 614,
  "size_x": 64,
  "size_y": 64,
  "size_z": 27,
  "snr": 6.724444176665296,
  "spacing_tr": 1.5,
  "spacing_x": 3.0,
  "spacing_y": 3.0,
  "spacing_z": 4.0,
  "summary_bg_k": 19.865149204441813,
  "summary_bg_mad": 10.76093954411875,
  "summary_bg_mean": 41.30940628051758,
  "summary_bg_median": 16.248371124267578,
  "summary_bg_n": 53676.0,
  "summary_bg_p05": 7.068403720855713,
  "summary_bg_p95": 161.3806915283203,
  "summary_bg_stdv": 69.20848083496094,
  "summary_fg_k": 3.6748395246823895,
  "summary_fg_mad": 95.44428238803036,
  "summary_fg_mean": 789.0638427734375,
  "summary_fg_median": 776.0260009765625,
  "summary_fg_n": 28128.0,
  "summary_fg_p05": 644.2486236572265,
  "summary_fg_p95": 982.3043609619139,
  "summary_fg_stdv": 115.40168762207031,
  "tsnr": 58.98077435209416
}