{
  "bids_meta": {
    "DeviceSerialNumber": "45031",
    "DwellTime": 8.2e-06,
    "EchoTime": 0.00308,
    "FlipAngle": 9,
    "InstitutionAddress": "Washington Rd, Princeton, NJ 08540, USA",
    "InstitutionName": "Princeton University",
    "InstitutionalDepartmentName": "Princeton Neuroscience Institute",
    "InversionTime": 0.9,
    "MagneticFieldStrength": 3,
    "Manufacturer": "Siemens",
    "ManufacturersModelName": "Skyra",
    "ParallelReductionFactorInPlane": 2,
    "ParallelReductionType": "GRAPPA",
    "PartialFourier": 1,
    "PixelBandwidth": 240,
    "PulseSequenceDetails": "%SiemensSeq%_tfl",
    "PulseSequenceType": "MPRAGE",
    "ReceiveCoilActiveElements": "HE1-4",
    "ReceiveCoilName": "HeadNeck_20",
    "RepetitionTime": 2.3,
    "ScanOptions": "IR",
    "ScanningSequence": "GR_IR",
    "SequenceName": "_tfl3d1_16ns",
    "SequenceVariant": "SK_SP_MP",
    "SoftwareVersions": "syngo_MR_D13",
    "StationName": "AWP45031",
    "dataset": "ds002345",
    "modality": "T1w",
    "subject_id": "177"
  },
  "cjv": 0.5721503829564205,
  "cnr": 2.342359419892467,
  "efc": 0.6411398709635724,
  "fber": 1307.139624499846,
  "fwhm_avg": 3.347335498496365,
  "fwhm_x": 3.328510978847968,
  "fwhm_y": 3.5167304257320353,
  "fwhm_z": 3.196765090909091,
  "icvs_csf": 0.1925558157281301,
  "icvs_gm": 0.41815049390315423,
  "icvs_wm": 0.3892936903687157,
  "inu_med": 1.4832043647766113,
  "inu_range": 0.6419307887554169,
  "provenance": {
    "md5sum": "cd160927b4450118fb78b05794e9f5f3",
    "settings": {
      "testing": false
    },
    "software": "mriqc",
    "version": "22.0.0rc1",
    "warnings": {
      "large_rot_frame": true,
      "small_air_mask": false
    },
    "webapi_port": null,
    "webapi_url": "https://mriqc.nimh.nih.gov/api/v1"
  },
  "qi_1": 0.0,
  "qi_2": 0.0024761062793625427,
  "rpve_csf": 16.25255949476064,
  "rpve_gm": 7.955355431454725,
  "rpve_wm": 10.374427392779168,
  "size_x": 192,
  "size_y": 256,
  "size_z": 256,
  "snr_csf": 2.576330398106589,
  "snr_gm": 8.2836001459145,
  "snr_total": 8.219267507363035,
  "snr_wm": 13.79787197806802,
  "snrd_csf": 22.196426260930895,
  "snrd_gm": 42.0934255064437,
  "snrd_total": 40.649123484303864,
  "snrd_wm": 57.65751868553699,
  "spacing_x": 0.9000000357627869,
  "spacing_y": 0.8593749403953552,
  "spacing_z": 0.859375,
  "summary_bg_k": 232.66249212662797,
  "summary_bg_mad": 11.363355743940215,
  "summary_bg_mean": 19.586874704086927,
  "summary_bg_median": 15.257966667413712,
  "summary_bg_n": 4188453.0,
  "summary_bg_p05": 2.554822325706482,
  "summary_bg_p95": 47.973885893821716,
  "summary_bg_stdv": 16.159951393164583,
  "summary_csf_k": 0.24944691495414695,
  "summary_csf_mad": 169.92425487466156,
  "summary_csf_mean": 390.31327095163215,
  "summary_csf_median": 384.9975310266018,
  "summary_csf_n": 23261.0,
  "summary_csf_p05": 168.3344043493271,
  "summary_csf_p95": 633.8798059225082,
  "summary_csf_stdv": 149.43318435365958,
  "summary_gm_k": 0.16223399007637251,
  "summary_gm_mad": 87.22427696042999,
  "summary_gm_mean": 733.8407032886099,
  "summary_gm_median": 730.1114468574524,
  "summary_gm_n": 34535.0,
  "summary_gm_p05": 595.2736018896103,
  "summary_gm_p95": 884.2523938417435,
  "summary_gm_stdv": 88.1381118497735,
  "summary_wm_k": 0.9378154939200796,
  "summary_wm_mad": 67.23318815164627,
  "summary_wm_mean": 1001.8775127627856,
  "summary_wm_median": 1000.0710059404373,
  "summary_wm_n": 424412.0,
  "summary_wm_p05": 886.80721616745,
  "summary_wm_p95": 1122.0637719929218,
  "summary_wm_stdv": 72.48000484025336,
  "tpm_overlap_csf": 0.17343652248382568,
  "tpm_overlap_gm": 0.44993042945861816,
  "tpm_overlap_wm": 0.5135075449943542,
  "wm2max": 0.5000709723207949
}