{
  "aor": 0.0005197602739726028,
  "aqi": 0.00667868116438356,
  "bids_meta": {
    "AcquisitionMatrixPE": 96,
    "BandwidthPerPixelPhaseEncode": 20.425,
    "BaseResolution": 96,
    "BodyPartExamined": "BRAIN",
    "ConsistencyInfo": "N4_VE11C_LATEST_20160120",
    "ConversionSoftware": "dcm2niix",
    "ConversionSoftwareVersion": "v1.0.20180328 GCC6.3.0",
    "DerivedVendorReportedEchoSpacing": 0.000509996,
    "DeviceSerialNumber": "66018",
    "DwellTime": 2.1e-06,
    "EchoTime": 0.031,
    "EchoTrainLength": 96,
    "EffectiveEchoSpacing": 0.000509996,
    "FlipAngle": 67,
    "ImageOrientationPatientDICOM": [
      1,
      0,
      0,
      0,
      1,
      0
    ],
    "ImageType": [
      "ORIGINAL",
      "PRIMARY",
      "M",
      "ND",
      "NORM",
      "MOSAIC"
    ],
    "InPlanePhaseEncodingDirectionDICOM": "COL",
    "InstitutionAddress": "Washington Rd, Princeton, NJ 08540, USA",
    "InstitutionName": "Princeton University",
    "InstitutionalDepartmentName": "Princeton Neuroscience Institute",
    "MRAcquisitionType": "2D",
    "MagneticFieldStrength": 3,
    "Manufacturer": "Siemens",
    "ManufacturersModelName": "Prisma",
    "Modality": "MR",
    "MultibandAccelerationFactor": 3,
    "NumberOfVolumesDiscardedByScanner": 3,
    "PartialFourier": 1,
    "PatientPosition": "HFS",
    "PercentPhaseFOV": 100,
    "PhaseEncodingDirection": "j-",
    "PhaseEncodingSteps": 96,
    "PhaseResolution": 1,
    "PixelBandwidth": 2480,
    "ProcedureStepDescription": "Hasson_Nastase_042518_Storyteller",
    "ProtocolName": "func_task-pieman",
    "PulseSequenceDetails": "%SiemensSeq%_ep2d_bold",
    "ReceiveCoilActiveElements": "HC1-7;NC1",
    "ReceiveCoilName": "HeadNeck_64",
    "ReconMatrixPE": 96,
    "RepetitionTime": 1.5,
    "SAR": 0.0435165,
    "ScanOptions": "FS",
    "ScanningSequence": "EP",
    "SequenceName": "_epfid2d1_96",
    "SequenceVariant": "SK",
    "SeriesDescription": "func_task-pieman",
    "SeriesNumber": 8,
    "ShimSetting": [
      743,
      563,
      2029,
      348,
      -123,
      155,
      126,
      76
    ],
    "SliceThickness": 2.5,
    "SliceTiming": [
      1.11,
      0,
      0.74,
      0.0925,
      0.8325,
      0.185,
      0.925,
      0.2775,
      1.0175,
      0.4625,
      1.2025,
      0.555,
      1.295,
      0.6475,
      1.3875,
      0.37,
      1.11,
      0,
      0.74,
      0.0925,
      0.8325,
      0.185,
      0.925,
      0.2775,
      1.0175,
      0.4625,
      1.2025,
      0.555,
      1.295,
      0.6475,
      1.3875,
      0.37,
      1.11,
      0,
      0.74,
      0.0925,
      0.8325,
      0.185,
      0.925,
      0.2775,
      1.0175,
      0.4625,
      1.2025,
      0.555,
      1.295,
      0.6475,
      1.3875,
      0.37
    ],
    "SoftwareVersions": "syngo_MR_E11",
    "SpacingBetweenSlices": 2.5,
    "StationName": "AWP66018",
    "TaskDescription": "Passively listened to audio story 'piemanpni'",
    "TaskName": "piemanpni",
    "TotalReadoutTime": 0.0484496,
    "TxRefAmp": 240.665,
    "dataset": "ds002345",
    "modality": "bold",
    "subject_id": "293",
    "task_id": "piemanpni"
  },
  "dummy_trs": 2,
  "dvars_nstd": 26.68756174989689,
  "dvars_std": 1.2482491814776628,
  "dvars_vstd": 0.9865823327491402,
  "efc": 0.4634498591533822,
  "fber": 4118.38037109375,
  "fd_mean": 0.08295482190015145,
  "fd_num": 2,
  "fd_perc": 0.684931506849315,
  "fwhm_avg": 1.930404,
  "fwhm_x": 1.831736,
  "fwhm_y": 2.013532,
  "fwhm_z": 1.9459440000000001,
  "gcor": 0.0116512,
  "gsr_x": -0.024355895817279816,
  "gsr_y": 0.034781716763973236,
  "provenance": {
    "md5sum": "2745684e77550cd49fa823ec26dc2e87",
    "settings": {
      "fd_thres": 0.2,
      "testing": false
    },
    "software": "mriqc",
    "version": "22.0.0rc1",
    "webapi_port": null,
    "webapi_url": "https://mriqc.nimh.nih.gov/api/v1"
  },
  "size_t": 292,
  "size_x": 96,
  "size_y": 96,
  "size_z": 48,
  "snr": 5.69703615714066,
  "spacing_tr": 1.5,
  "spacing_x": 2.5,
  "spacing_y": 2.5,
  "spacing_z": 2.5,
  "summary_bg_k": 48.12166552077951,
  "summary_bg_mad": 8.103537639929648,
  "summary_bg_mean": 32.49139404296875,
  "summary_bg_median": 12.630136489868164,
  "summary_bg_n": 310489.0,
  "summary_bg_p05": 5.342465877532959,
  "summary_bg_p95": 134.70410766601555,
  "summary_bg_stdv": 60.92784118652344,
  "summary_fg_k": 1.4845425473730636,
  "summary_fg_mad": 142.47197411455488,
  "summary_fg_mean": 818.6057739257812,
  "summary_fg_median": 814.9725952148438,
  "summary_fg_n": 70037.0,
  "summary_fg_p05": 612.8499877929687,
  "summary_fg_p95": 1047.99248046875,
  "summary_fg_stdv": 143.05101013183594,
  "tsnr": 68.06086701713502
}