{
  "aor": 0.000361602787456446,
  "aqi": 0.008126664268292684,
  "bids_meta": {
    "AcquisitionMatrixPE": 96,
    "BandwidthPerPixelPhaseEncode": 20.425,
    "BaseResolution": 96,
    "BodyPartExamined": "BRAIN",
    "ConsistencyInfo": "N4_VE11C_LATEST_20160120",
    "ConversionSoftware": "dcm2niix",
    "ConversionSoftwareVersion": "v1.0.20180328 GCC6.3.0",
    "DerivedVendorReportedEchoSpacing": 0.000509996,
    "DeviceSerialNumber": "66018",
    "DwellTime": 2.1e-06,
    "EchoTime": 0.031,
    "EchoTrainLength": 96,
    "EffectiveEchoSpacing": 0.000509996,
    "FlipAngle": 67,
    "ImageOrientationPatientDICOM": [
      1,
      0,
      0,
      0,
      1,
      0
    ],
    "ImageType": [
      "ORIGINAL",
      "PRIMARY",
      "M",
      "ND",
      "NORM",
      "MOSAIC"
    ],
    "InPlanePhaseEncodingDirectionDICOM": "COL",
    "InstitutionAddress": "Washington Rd, Princeton, NJ 08540, USA",
    "InstitutionName": "Princeton University",
    "InstitutionalDepartmentName": "Princeton Neuroscience Institute",
    "MRAcquisitionType": "2D",
    "MagneticFieldStrength": 3,
    "Manufacturer": "Siemens",
    "ManufacturersModelName": "Prisma",
    "Modality": "MR",
    "MultibandAccelerationFactor": 3,
    "NumberOfVolumesDiscardedByScanner": 3,
    "PartialFourier": 1,
    "PatientPosition": "HFS",
    "PercentPhaseFOV": 100,
    "PhaseEncodingDirection": "j-",
    "PhaseEncodingSteps": 96,
    "PhaseResolution": 1,
    "PixelBandwidth": 2480,
    "ProcedureStepDescription": "Hasson_Nastase_042518_Storyteller",
    "ProtocolName": "func_task-forgot",
    "PulseSequenceDetails": "%SiemensSeq%_ep2d_bold",
    "ReceiveCoilActiveElements": "HC1-7",
    "ReceiveCoilName": "HeadNeck_64",
    "ReconMatrixPE": 96,
    "RepetitionTime": 1.5,
    "SAR": 0.0413121,
    "ScanOptions": "FS",
    "ScanningSequence": "EP",
    "SequenceName": "_epfid2d1_96",
    "SequenceVariant": "SK",
    "SeriesDescription": "func_task-forgot",
    "SeriesNumber": 14,
    "ShimSetting": [
      745,
      550,
      2038,
      426,
      -57,
      204,
      166,
      93
    ],
    "SliceThickness": 2.5,
    "SliceTiming": [
      1.11,
      0,
      0.74,
      0.0925,
      0.8325,
      0.185,
      0.925,
      0.2775,
      1.0175,
      0.4625,
      1.2025,
      0.555,
      1.295,
      0.6475,
      1.3875,
      0.37,
      1.11,
      0,
      0.74,
      0.0925,
      0.8325,
      0.185,
      0.925,
      0.2775,
      1.0175,
      0.4625,
      1.2025,
      0.555,
      1.295,
      0.6475,
      1.3875,
      0.37,
      1.11,
      0,
      0.74,
      0.0925,
      0.8325,
      0.185,
      0.925,
      0.2775,
      1.0175,
      0.4625,
      1.2025,
      0.555,
      1.295,
      0.6475,
      1.3875,
      0.37
    ],
    "SoftwareVersions": "syngo_MR_E11",
    "SpacingBetweenSlices": 2.5,
    "StationName": "AWP66018",
    "TaskDescription": "Passively listened to audio story 'forgot'",
    "TaskName": "forgot",
    "TotalReadoutTime": 0.0484496,
    "TxRefAmp": 238.379,
    "dataset": "ds002345",
    "modality": "bold",
    "subject_id": "293",
    "task_id": "forgot"
  },
  "dummy_trs": 0,
  "dvars_nstd": 29.868859635706812,
  "dvars_std": 1.2698958671029665,
  "dvars_vstd": 0.9830921133333335,
  "efc": 0.4625633512817534,
  "fber": 4342.29296875,
  "fd_mean": 0.1052069874144414,
  "fd_num": 7,
  "fd_perc": 1.2195121951219512,
  "fwhm_avg": 1.9527706666666667,
  "fwhm_x": 1.8527280000000002,
  "fwhm_y": 2.0482839999999998,
  "fwhm_z": 1.9573,
  "gcor": 0.0169554,
  "gsr_x": -0.021944403648376465,
  "gsr_y": 0.03144342079758644,
  "provenance": {
    "md5sum": "139ace16c2da7ede67ca5c081b31576d",
    "settings": {
      "fd_thres": 0.2,
      "testing": false
    },
    "software": "mriqc",
    "version": "22.0.0rc1",
    "webapi_port": null,
    "webapi_url": "https://mriqc.nimh.nih.gov/api/v1"
  },
  "size_t": 574,
  "size_x": 96,
  "size_y": 96,
  "size_z": 48,
  "snr": 5.688312670662089,
  "spacing_tr": 1.5,
  "spacing_x": 2.5,
  "spacing_y": 2.5,
  "spacing_z": 2.5,
  "summary_bg_k": 36.523917703630964,
  "summary_bg_mad": 6.803439222061232,
  "summary_bg_mean": 29.388797760009766,
  "summary_bg_median": 11.367595672607422,
  "summary_bg_n": 310189.0,
  "summary_bg_p05": 5.313589096069336,
  "summary_bg_p95": 122.79790954589824,
  "summary_bg_stdv": 54.022701263427734,
  "summary_fg_k": 1.448763857741258,
  "summary_fg_mad": 131.47633946045124,
  "summary_fg_mean": 758.1906127929688,
  "summary_fg_median": 754.3397216796875,
  "summary_fg_n": 70226.0,
  "summary_fg_p05": 569.2060241699219,
  "summary_fg_p95": 971.5914916992188,
  "summary_fg_stdv": 132.61126708984375,
  "tsnr": 62.1449292562902
}