{
  "aor": 0.00038823636363636356,
  "aqi": 0.007964471927272728,
  "bids_meta": {
    "AcquisitionMatrixPE": 96,
    "BandwidthPerPixelPhaseEncode": 20.425,
    "BaseResolution": 96,
    "BodyPartExamined": "BRAIN",
    "ConsistencyInfo": "N4_VE11C_LATEST_20160120",
    "ConversionSoftware": "dcm2niix",
    "ConversionSoftwareVersion": "v1.0.20180328 GCC6.3.0",
    "DerivedVendorReportedEchoSpacing": 0.000509996,
    "DeviceSerialNumber": "66018",
    "DwellTime": 2.1e-06,
    "EchoTime": 0.031,
    "EchoTrainLength": 96,
    "EffectiveEchoSpacing": 0.000509996,
    "FlipAngle": 67,
    "ImageOrientationPatientDICOM": [
      1,
      0,
      0,
      0,
      1,
      0
    ],
    "ImageType": [
      "ORIGINAL",
      "PRIMARY",
      "M",
      "ND",
      "NORM",
      "MOSAIC"
    ],
    "InPlanePhaseEncodingDirectionDICOM": "COL",
    "InstitutionAddress": "Washington Rd, Princeton, NJ 08540, USA",
    "InstitutionName": "Princeton University",
    "InstitutionalDepartmentName": "Princeton Neuroscience Institute",
    "MRAcquisitionType": "2D",
    "MagneticFieldStrength": 3,
    "Manufacturer": "Siemens",
    "ManufacturersModelName": "Prisma",
    "Modality": "MR",
    "MultibandAccelerationFactor": 3,
    "NumberOfVolumesDiscardedByScanner": 3,
    "PartialFourier": 1,
    "PatientPosition": "HFS",
    "PercentPhaseFOV": 100,
    "PhaseEncodingDirection": "j-",
    "PhaseEncodingSteps": 96,
    "PhaseResolution": 1,
    "PixelBandwidth": 2480,
    "ProcedureStepDescription": "Hasson_Nastase_042518_Storyteller",
    "ProtocolName": "func_task-black",
    "PulseSequenceDetails": "%SiemensSeq%_ep2d_bold",
    "ReceiveCoilActiveElements": "HC1-7",
    "ReceiveCoilName": "HeadNeck_64",
    "ReconMatrixPE": 96,
    "RepetitionTime": 1.5,
    "SAR": 0.0413098,
    "ScanOptions": "FS",
    "ScanningSequence": "EP",
    "SequenceName": "_epfid2d1_96",
    "SequenceVariant": "SK",
    "SeriesDescription": "func_task-black",
    "SeriesNumber": 12,
    "ShimSetting": [
      745,
      550,
      2038,
      426,
      -57,
      204,
      166,
      93
    ],
    "SliceThickness": 2.5,
    "SliceTiming": [
      1.11,
      0,
      0.74,
      0.0925,
      0.8325,
      0.185,
      0.925,
      0.2775,
      1.0175,
      0.4625,
      1.2025,
      0.555,
      1.295,
      0.6475,
      1.3875,
      0.37,
      1.11,
      0,
      0.74,
      0.0925,
      0.8325,
      0.185,
      0.925,
      0.2775,
      1.0175,
      0.4625,
      1.2025,
      0.555,
      1.295,
      0.6475,
      1.3875,
      0.37,
      1.11,
      0,
      0.74,
      0.0925,
      0.8325,
      0.185,
      0.925,
      0.2775,
      1.0175,
      0.4625,
      1.2025,
      0.555,
      1.295,
      0.6475,
      1.3875,
      0.37
    ],
    "SoftwareVersions": "syngo_MR_E11",
    "SpacingBetweenSlices": 2.5,
    "StationName": "AWP66018",
    "TaskDescription": "Passively listened to audio story 'black'",
    "TaskName": "black",
    "TotalReadoutTime": 0.0484496,
    "TxRefAmp": 238.379,
    "dataset": "ds002345",
    "modality": "bold",
    "subject_id": "293",
    "task_id": "black"
  },
  "dummy_trs": 0,
  "dvars_nstd": 30.2136519142623,
  "dvars_std": 1.2864637413479043,
  "dvars_vstd": 0.987974081876139,
  "efc": 0.4616279098472016,
  "fber": 4403.66796875,
  "fd_mean": 0.09117981781338809,
  "fd_num": 0,
  "fd_perc": 0.0,
  "fwhm_avg": 1.938048,
  "fwhm_x": 1.8424559999999999,
  "fwhm_y": 2.034168,
  "fwhm_z": 1.93752,
  "gcor": 0.0230008,
  "gsr_x": -0.021790677681565285,
  "gsr_y": 0.031368907541036606,
  "provenance": {
    "md5sum": "7200f28eeaf117a082eb8aefdc728352",
    "settings": {
      "fd_thres": 0.2,
      "testing": false
    },
    "software": "mriqc",
    "version": "22.0.0rc1",
    "webapi_port": null,
    "webapi_url": "https://mriqc.nimh.nih.gov/api/v1"
  },
  "size_t": 550,
  "size_x": 96,
  "size_y": 96,
  "size_z": 48,
  "snr": 5.741408694995543,
  "spacing_tr": 1.5,
  "spacing_x": 2.5,
  "spacing_y": 2.5,
  "spacing_z": 2.5,
  "summary_bg_k": 34.78031244892916,
  "summary_bg_mad": 6.89275228504984,
  "summary_bg_mean": 29.22417640686035,
  "summary_bg_median": 11.350909233093262,
  "summary_bg_n": 310452.0,
  "summary_bg_p05": 5.249091148376465,
  "summary_bg_p95": 121.20973014831549,
  "summary_bg_stdv": 53.5400276184082,
  "summary_fg_k": 1.4469859148680886,
  "summary_fg_mad": 131.2668531240352,
  "summary_fg_mean": 762.1134643554688,
  "summary_fg_median": 758.3854370117188,
  "summary_fg_n": 70069.0,
  "summary_fg_p05": 573.6265625,
  "summary_fg_p95": 974.8356445312497,
  "summary_fg_stdv": 132.08953857421875,
  "tsnr": 61.31187888444401
}