{
  "aor": 0.0006021340629274966,
  "aqi": 0.010092852667578658,
  "bids_meta": {
    "CogAtlasID": "https://www.cognitiveatlas.org/task/id/trm_4c8991fadfe01",
    "DeviceSerialNumber": "45031",
    "DwellTime": 4.9e-06,
    "EchoTime": 0.028,
    "EffectiveEchoSpacing": 0.000355001,
    "FlipAngle": 64,
    "InstitutionAddress": "Washington Rd, Princeton, NJ 08540, USA",
    "InstitutionName": "Princeton University",
    "InstitutionalDepartmentName": "Princeton Neuroscience Institute",
    "MagneticFieldStrength": 3,
    "Manufacturer": "Siemens",
    "ManufacturersModelName": "Skyra",
    "NumberOfVolumesDiscardedByScanner": 3,
    "ParallelReductionFactorInPlane": 2,
    "ParallelReductionType": "GRAPPA",
    "PartialFourier": 1,
    "PhaseEncodingDirection": "j-",
    "PixelBandwidth": 1595,
    "PulseSequenceDetails": "%SiemensSeq%_ep2d_bold",
    "PulseSequenceType": "Gradient Echo EPI",
    "ReceiveCoilActiveElements": "HE1-4",
    "ReceiveCoilName": "HeadNeck_20",
    "RepetitionTime": 1.5,
    "ScanOptions": "FS",
    "ScanningSequence": "EP",
    "SequenceName": "_epfid2d1_64",
    "SequenceVariant": "SK",
    "SliceTiming": [
      0,
      0.7675,
      0.055,
      0.8225,
      0.1075,
      0.875,
      0.1625,
      0.93,
      0.2175,
      0.985,
      0.2725,
      1.04,
      0.3275,
      1.095,
      0.3825,
      1.15,
      0.4375,
      1.205,
      0.4925,
      1.26,
      0.5475,
      1.315,
      0.6025,
      1.37,
      0.6575,
      1.425,
      0.7125
    ],
    "SoftwareVersions": "syngo_MR_D13",
    "StationName": "AWP45031",
    "TaskDescription": "Passively listened to audio story 'sherlock'",
    "TaskName": "sherlock",
    "TotalReadoutTime": 0.022365,
    "dataset": "ds002345",
    "modality": "bold",
    "subject_id": "160",
    "task_id": "sherlock"
  },
  "dummy_trs": 0,
  "dvars_nstd": 21.32448536341099,
  "dvars_std": 1.1663163176164386,
  "dvars_vstd": 1.0008780217534248,
  "efc": 0.5715789808971552,
  "fber": 1834.5689697265625,
  "fd_mean": 0.09072571864272284,
  "fd_num": 46,
  "fd_perc": 6.292749658002736,
  "fwhm_avg": 1.7073749552903388,
  "fwhm_x": 1.6877331992043496,
  "fwhm_y": 1.9411866666666666,
  "fwhm_z": 1.493205,
  "gcor": 0.0178636,
  "gsr_x": 0.0016240616096183658,
  "gsr_y": 0.03671583905816078,
  "provenance": {
    "md5sum": "d5d80dc5c9446afb898f8c479f24eb92",
    "settings": {
      "fd_thres": 0.2,
      "testing": false
    },
    "software": "mriqc",
    "version": "22.0.0rc1",
    "webapi_port": null,
    "webapi_url": "https://mriqc.nimh.nih.gov/api/v1"
  },
  "size_t": 731,
  "size_x": 64,
  "size_y": 64,
  "size_z": 27,
  "snr": 7.309678838029054,
  "spacing_tr": 1.5,
  "spacing_x": 3.000000238418579,
  "spacing_y": 3.0,
  "spacing_z": 4.0,
  "summary_bg_k": 19.493716614846004,
  "summary_bg_mad": 10.092241795345346,
  "summary_bg_mean": 38.146934509277344,
  "summary_bg_median": 15.134063720703125,
  "summary_bg_n": 58078.0,
  "summary_bg_p05": 7.166894912719727,
  "summary_bg_p95": 154.77599716186512,
  "summary_bg_stdv": 63.64565658569336,
  "summary_fg_k": 3.6852967458971957,
  "summary_fg_mad": 80.98135477095246,
  "summary_fg_mean": 676.0587158203125,
  "summary_fg_median": 669.3310546875,
  "summary_fg_n": 24706.0,
  "summary_fg_p05": 554.3632354736328,
  "summary_fg_p95": 821.3016662597656,
  "summary_fg_stdv": 91.56592559814453,
  "tsnr": 64.75259919394739
}