{
  "aor": 0.0015998383838383837,
  "aqi": 0.005906532262626262,
  "bids_meta": {
    "CogAtlasID": "https://www.cognitiveatlas.org/task/id/trm_4c8991fadfe01",
    "DeviceSerialNumber": "66018",
    "DwellTime": 4.2e-06,
    "EchoTime": 0.039,
    "EffectiveEchoSpacing": 0.000929976,
    "FlipAngle": 50,
    "InstitutionAddress": "Washington Rd, Princeton, NJ 08540, USA",
    "InstitutionName": "Princeton University",
    "InstitutionalDepartmentName": "Princeton Neuroscience Institute",
    "MagneticFieldStrength": 3,
    "Manufacturer": "Siemens",
    "ManufacturersModelName": "Prisma",
    "NumberOfVolumesDiscardedByScanner": 3,
    "ParallelReductionType": "GRAPPA",
    "PartialFourier": 0.75,
    "PhaseEncodingDirection": "j-",
    "PixelBandwidth": 1240,
    "PulseSequenceDetails": "%CustomerSeq%_ep2d_bold_sms_mgh_v22",
    "PulseSequenceType": "Gradient Echo EPI",
    "ReceiveCoilActiveElements": "HC1-7;NC1,2",
    "ReceiveCoilName": "HeadNeck_64",
    "RepetitionTime": 1.5,
    "ScanOptions": "PFP_FS",
    "ScanningSequence": "EP",
    "SequenceName": "epfSM2d1_96",
    "SequenceVariant": "SK",
    "SliceTiming": [
      0.6925,
      0,
      0.79,
      0.1,
      0.8875,
      0.1975,
      0.9875,
      0.2975,
      1.085,
      0.395,
      1.185,
      0.495,
      1.2825,
      0.5925,
      1.3825,
      0.6925,
      0,
      0.79,
      0.1,
      0.8875,
      0.1975,
      0.9875,
      0.2975,
      1.085,
      0.395,
      1.185,
      0.495,
      1.2825,
      0.5925,
      1.3825,
      0.6925,
      0,
      0.79,
      0.1,
      0.8875,
      0.1975,
      0.9875,
      0.2975,
      1.085,
      0.395,
      1.185,
      0.495,
      1.2825,
      0.5925,
      1.3825,
      0.6925,
      0,
      0.79,
      0.1,
      0.8875,
      0.1975,
      0.9875,
      0.2975,
      1.085,
      0.395,
      1.185,
      0.495,
      1.2825,
      0.5925,
      1.3825
    ],
    "SoftwareVersions": "syngo_MR_D13D",
    "StationName": "AWP66018",
    "TaskDescription": "Passively listened to audio story 'schema'",
    "TaskName": "schema",
    "TotalReadoutTime": 0.0883478,
    "dataset": "ds002345",
    "modality": "bold",
    "run_id": 2,
    "subject_id": "197",
    "task_id": "schema"
  },
  "dummy_trs": 0,
  "dvars_nstd": 38.552528628562754,
  "dvars_std": 1.1183324109919028,
  "dvars_vstd": 1.004121924473685,
  "efc": 0.5842995685854414,
  "fber": 301.6698303222656,
  "fd_mean": 0.17047909772479247,
  "fd_num": 139,
  "fd_perc": 28.08080808080808,
  "fwhm_avg": 2.7827666666666673,
  "fwhm_x": 2.61525,
  "fwhm_y": 2.985425,
  "fwhm_z": 2.747625,
  "gcor": 0.0248659,
  "gsr_x": 0.006806837394833565,
  "gsr_y": 0.05257761850953102,
  "provenance": {
    "md5sum": "ea922c779b18374bfda28021d640c36d",
    "settings": {
      "fd_thres": 0.2,
      "testing": false
    },
    "software": "mriqc",
    "version": "22.0.6",
    "webapi_port": null,
    "webapi_url": "https://mriqc.nimh.nih.gov/api/v1"
  },
  "size_t": 495,
  "size_x": 96,
  "size_y": 96,
  "size_z": 60,
  "snr": 2.144077448478516,
  "spacing_tr": 1.5,
  "spacing_x": 2.0,
  "spacing_y": 2.0,
  "spacing_z": 2.0,
  "summary_bg_k": 27.21642145019097,
  "summary_bg_mad": 9.081311863136323,
  "summary_bg_mean": 48.68301010131836,
  "summary_bg_median": 27.624242782592773,
  "summary_bg_n": 316711.0,
  "summary_bg_p05": 20.032323837280273,
  "summary_bg_p95": 148.48484802246094,
  "summary_bg_stdv": 56.911136627197266,
  "summary_fg_k": 4.793983436220966,
  "summary_fg_mad": 190.4679632677835,
  "summary_fg_mean": 538.3875732421875,
  "summary_fg_median": 495.6383972167969,
  "summary_fg_n": 148519.0,
  "summary_fg_p05": 260.7596069335938,
  "summary_fg_p95": 969.1921569824219,
  "summary_fg_stdv": 231.16549682617188,
  "tsnr": 38.19723742455244
}