{
  "aor": 0.0022172817460317457,
  "aqi": 0.008072088988095237,
  "bids_meta": {
    "CogAtlasID": "https://www.cognitiveatlas.org/task/id/trm_4c8991fadfe01",
    "DeviceSerialNumber": "66018",
    "DwellTime": 4.2e-06,
    "EchoTime": 0.039,
    "EffectiveEchoSpacing": 0.000929976,
    "FlipAngle": 50,
    "InstitutionAddress": "Washington Rd, Princeton, NJ 08540, USA",
    "InstitutionName": "Princeton University",
    "InstitutionalDepartmentName": "Princeton Neuroscience Institute",
    "MagneticFieldStrength": 3,
    "Manufacturer": "Siemens",
    "ManufacturersModelName": "Prisma",
    "NumberOfVolumesDiscardedByScanner": 3,
    "ParallelReductionType": "GRAPPA",
    "PartialFourier": 0.75,
    "PhaseEncodingDirection": "j-",
    "PixelBandwidth": 1240,
    "PulseSequenceDetails": "%CustomerSeq%_ep2d_bold_sms_mgh_v22",
    "PulseSequenceType": "Gradient Echo EPI",
    "ReceiveCoilActiveElements": "HC1-7;NC1,2",
    "ReceiveCoilName": "HeadNeck_64",
    "RepetitionTime": 1.5,
    "ScanOptions": "PFP_FS",
    "ScanningSequence": "EP",
    "SequenceName": "epfSM2d1_96",
    "SequenceVariant": "SK",
    "SliceTiming": [
      0.6925,
      0,
      0.79,
      0.1,
      0.8875,
      0.1975,
      0.9875,
      0.2975,
      1.085,
      0.395,
      1.185,
      0.495,
      1.2825,
      0.5925,
      1.3825,
      0.6925,
      0,
      0.79,
      0.1,
      0.8875,
      0.1975,
      0.9875,
      0.2975,
      1.085,
      0.395,
      1.185,
      0.495,
      1.2825,
      0.5925,
      1.3825,
      0.6925,
      0,
      0.79,
      0.1,
      0.8875,
      0.1975,
      0.9875,
      0.2975,
      1.085,
      0.395,
      1.185,
      0.495,
      1.2825,
      0.5925,
      1.3825,
      0.6925,
      0,
      0.79,
      0.1,
      0.8875,
      0.1975,
      0.9875,
      0.2975,
      1.085,
      0.395,
      1.185,
      0.495,
      1.2825,
      0.5925,
      1.3825
    ],
    "SoftwareVersions": "syngo_MR_D13D",
    "StationName": "AWP66018",
    "TaskDescription": "Passively listened to audio story 'schema'",
    "TaskName": "schema",
    "TotalReadoutTime": 0.0883478,
    "dataset": "ds002345",
    "modality": "bold",
    "run_id": 3,
    "subject_id": "197",
    "task_id": "schema"
  },
  "dummy_trs": 0,
  "dvars_nstd": 41.460813139423436,
  "dvars_std": 1.159722360656064,
  "dvars_vstd": 1.0190333823658058,
  "efc": 0.5859102355417805,
  "fber": 296.2746887207031,
  "fd_mean": 0.1938837429599731,
  "fd_num": 195,
  "fd_perc": 38.69047619047619,
  "fwhm_avg": 2.788531666666666,
  "fwhm_x": 2.633175,
  "fwhm_y": 2.9679,
  "fwhm_z": 2.76452,
  "gcor": 0.0229978,
  "gsr_x": 0.01117255911231041,
  "gsr_y": 0.05362629145383835,
  "provenance": {
    "md5sum": "fab45923ca544c81e1c20197d48970dd",
    "settings": {
      "fd_thres": 0.2,
      "testing": false
    },
    "software": "mriqc",
    "version": "22.0.0rc1",
    "webapi_port": null,
    "webapi_url": "https://mriqc.nimh.nih.gov/api/v1"
  },
  "size_t": 504,
  "size_x": 96,
  "size_y": 96,
  "size_z": 60,
  "snr": 2.1740174867214326,
  "spacing_tr": 1.5,
  "spacing_x": 2.0,
  "spacing_y": 2.0,
  "spacing_z": 2.0,
  "summary_bg_k": 23.98781109721744,
  "summary_bg_mad": 9.516307073524207,
  "summary_bg_mean": 51.14173126220703,
  "summary_bg_median": 27.962303161621094,
  "summary_bg_n": 319984.0,
  "summary_bg_p05": 20.150794982910156,
  "summary_bg_p95": 162.4832382202147,
  "summary_bg_stdv": 62.1512565612793,
  "summary_fg_k": 4.69264541939957,
  "summary_fg_mad": 188.7640882785991,
  "summary_fg_mean": 538.2808837890625,
  "summary_fg_median": 495.09625244140625,
  "summary_fg_n": 146788.0,
  "summary_fg_p05": 263.327392578125,
  "summary_fg_p95": 963.6936950683594,
  "summary_fg_stdv": 227.73255920410156,
  "tsnr": 34.6270986655727
}