{
  "aor": 0.007827845659163987,
  "aqi": 0.013421571575562698,
  "bids_meta": {
    "CogAtlasID": "https://www.cognitiveatlas.org/task/id/trm_4c8991fadfe01",
    "DeviceSerialNumber": "66018",
    "DwellTime": 4.2e-06,
    "EchoTime": 0.039,
    "EffectiveEchoSpacing": 0.000929976,
    "FlipAngle": 50,
    "InstitutionAddress": "Washington Rd, Princeton, NJ 08540, USA",
    "InstitutionName": "Princeton University",
    "InstitutionalDepartmentName": "Princeton Neuroscience Institute",
    "MagneticFieldStrength": 3,
    "Manufacturer": "Siemens",
    "ManufacturersModelName": "Prisma",
    "NumberOfVolumesDiscardedByScanner": 3,
    "ParallelReductionType": "GRAPPA",
    "PartialFourier": 0.75,
    "PhaseEncodingDirection": "j-",
    "PixelBandwidth": 1240,
    "PulseSequenceDetails": "%CustomerSeq%_ep2d_bold_sms_mgh_v22",
    "PulseSequenceType": "Gradient Echo EPI",
    "ReceiveCoilActiveElements": "HC1-7;NC1,2",
    "ReceiveCoilName": "HeadNeck_64",
    "RepetitionTime": 1.5,
    "ScanOptions": "PFP_FS",
    "ScanningSequence": "EP",
    "SequenceName": "epfSM2d1_96",
    "SequenceVariant": "SK",
    "SliceTiming": [
      0.6925,
      0,
      0.79,
      0.1,
      0.8875,
      0.1975,
      0.9875,
      0.2975,
      1.085,
      0.395,
      1.185,
      0.495,
      1.2825,
      0.5925,
      1.3825,
      0.6925,
      0,
      0.79,
      0.1,
      0.8875,
      0.1975,
      0.9875,
      0.2975,
      1.085,
      0.395,
      1.185,
      0.495,
      1.2825,
      0.5925,
      1.3825,
      0.6925,
      0,
      0.79,
      0.1,
      0.8875,
      0.1975,
      0.9875,
      0.2975,
      1.085,
      0.395,
      1.185,
      0.495,
      1.2825,
      0.5925,
      1.3825,
      0.6925,
      0,
      0.79,
      0.1,
      0.8875,
      0.1975,
      0.9875,
      0.2975,
      1.085,
      0.395,
      1.185,
      0.495,
      1.2825,
      0.5925,
      1.3825
    ],
    "SoftwareVersions": "syngo_MR_D13D",
    "StationName": "AWP66018",
    "TaskDescription": "Passively listened to audio story 'shapesphysical'",
    "TaskName": "shapesphysical",
    "TotalReadoutTime": 0.0883478,
    "dataset": "ds002345",
    "modality": "bold",
    "subject_id": "233",
    "task_id": "shapesphysical"
  },
  "dummy_trs": 0,
  "dvars_nstd": 49.12001049906454,
  "dvars_std": 1.1155602579677413,
  "dvars_vstd": 1.0185058404193548,
  "efc": 0.6054018631159265,
  "fber": 275.611083984375,
  "fd_mean": 0.3315020633460542,
  "fd_num": 119,
  "fd_perc": 38.263665594855304,
  "fwhm_avg": 2.787148333333333,
  "fwhm_x": 2.48338,
  "fwhm_y": 3.001525,
  "fwhm_z": 2.87654,
  "gcor": 0.0271944,
  "gsr_x": 0.00025897103478200734,
  "gsr_y": 0.0546584278345108,
  "provenance": {
    "md5sum": "029ec2cc5868cefbfb62fc24dfc8be91",
    "settings": {
      "fd_thres": 0.2,
      "testing": false
    },
    "software": "mriqc",
    "version": "22.0.0rc1",
    "webapi_port": null,
    "webapi_url": "https://mriqc.nimh.nih.gov/api/v1"
  },
  "size_t": 311,
  "size_x": 96,
  "size_y": 96,
  "size_z": 60,
  "snr": 2.4355450542187103,
  "spacing_tr": 1.5,
  "spacing_x": 2.0,
  "spacing_y": 2.0,
  "spacing_z": 2.0,
  "summary_bg_k": 119.43189554467288,
  "summary_bg_mad": 8.109021527320236,
  "summary_bg_mean": 44.650264739990234,
  "summary_bg_median": 27.64630126953125,
  "summary_bg_n": 303525.0,
  "summary_bg_p05": 20.75884246826172,
  "summary_bg_p95": 110.31125335693356,
  "summary_bg_stdv": 63.83740234375,
  "summary_fg_k": 1.7938220573200905,
  "summary_fg_mad": 173.68851492971962,
  "summary_fg_mean": 505.65594482421875,
  "summary_fg_median": 472.7491760253906,
  "summary_fg_n": 161107.0,
  "summary_fg_p05": 258.88487548828124,
  "summary_fg_p95": 866.9167175292962,
  "summary_fg_stdv": 194.10345458984375,
  "tsnr": 28.962468981859274
}