{
  "aor": 0.0021423376623376624,
  "aqi": 0.010678380551948051,
  "bids_meta": {
    "CogAtlasID": "https://www.cognitiveatlas.org/task/id/trm_4c8991fadfe01",
    "DeviceSerialNumber": "66018",
    "DwellTime": 4.2e-06,
    "EchoTime": 0.039,
    "EffectiveEchoSpacing": 0.000929976,
    "FlipAngle": 50,
    "InstitutionAddress": "Washington Rd, Princeton, NJ 08540, USA",
    "InstitutionName": "Princeton University",
    "InstitutionalDepartmentName": "Princeton Neuroscience Institute",
    "MagneticFieldStrength": 3,
    "Manufacturer": "Siemens",
    "ManufacturersModelName": "Prisma",
    "NumberOfVolumesDiscardedByScanner": 3,
    "ParallelReductionType": "GRAPPA",
    "PartialFourier": 0.75,
    "PhaseEncodingDirection": "j-",
    "PixelBandwidth": 1240,
    "PulseSequenceDetails": "%CustomerSeq%_ep2d_bold_sms_mgh_v22",
    "PulseSequenceType": "Gradient Echo EPI",
    "ReceiveCoilActiveElements": "HC1-7;NC1,2",
    "ReceiveCoilName": "HeadNeck_64",
    "RepetitionTime": 1.5,
    "ScanOptions": "PFP_FS",
    "ScanningSequence": "EP",
    "SequenceName": "epfSM2d1_96",
    "SequenceVariant": "SK",
    "SliceTiming": [
      0.6925,
      0,
      0.79,
      0.1,
      0.8875,
      0.1975,
      0.9875,
      0.2975,
      1.085,
      0.395,
      1.185,
      0.495,
      1.2825,
      0.5925,
      1.3825,
      0.6925,
      0,
      0.79,
      0.1,
      0.8875,
      0.1975,
      0.9875,
      0.2975,
      1.085,
      0.395,
      1.185,
      0.495,
      1.2825,
      0.5925,
      1.3825,
      0.6925,
      0,
      0.79,
      0.1,
      0.8875,
      0.1975,
      0.9875,
      0.2975,
      1.085,
      0.395,
      1.185,
      0.495,
      1.2825,
      0.5925,
      1.3825,
      0.6925,
      0,
      0.79,
      0.1,
      0.8875,
      0.1975,
      0.9875,
      0.2975,
      1.085,
      0.395,
      1.185,
      0.495,
      1.2825,
      0.5925,
      1.3825
    ],
    "SoftwareVersions": "syngo_MR_D13D",
    "StationName": "AWP66018",
    "TaskDescription": "Passively listened to audio story 'shapessocial'",
    "TaskName": "shapessocial",
    "TotalReadoutTime": 0.0883478,
    "dataset": "ds002345",
    "modality": "bold",
    "subject_id": "233",
    "task_id": "shapessocial"
  },
  "dummy_trs": 1,
  "dvars_nstd": 41.726367155179126,
  "dvars_std": 1.0775720875244297,
  "dvars_vstd": 0.9781507456351786,
  "efc": 0.6032432168205031,
  "fber": 295.6780700683594,
  "fd_mean": 0.20871160673240216,
  "fd_num": 106,
  "fd_perc": 34.41558441558441,
  "fwhm_avg": 2.7819649999999996,
  "fwhm_x": 2.493465,
  "fwhm_y": 3.00537,
  "fwhm_z": 2.84706,
  "gcor": 0.0171487,
  "gsr_x": -0.0033565524499863386,
  "gsr_y": 0.05584541708230972,
  "provenance": {
    "md5sum": "c71a07ea6cc128e32ee5cf0a1d1d1c31",
    "settings": {
      "fd_thres": 0.2,
      "testing": false
    },
    "software": "mriqc",
    "version": "22.0.0rc1",
    "webapi_port": null,
    "webapi_url": "https://mriqc.nimh.nih.gov/api/v1"
  },
  "size_t": 308,
  "size_x": 96,
  "size_y": 96,
  "size_z": 60,
  "snr": 2.390279874974532,
  "spacing_tr": 1.5,
  "spacing_x": 2.0,
  "spacing_y": 2.0,
  "spacing_z": 2.0,
  "summary_bg_k": 127.07973799772168,
  "summary_bg_mad": 8.269840749134227,
  "summary_bg_mean": 43.68378448486328,
  "summary_bg_median": 26.678571701049805,
  "summary_bg_n": 301037.0,
  "summary_bg_p05": 19.672077178955078,
  "summary_bg_p95": 108.30259704589848,
  "summary_bg_stdv": 64.587158203125,
  "summary_fg_k": 2.0271893675441337,
  "summary_fg_mad": 175.1251477923292,
  "summary_fg_mean": 507.2604064941406,
  "summary_fg_median": 473.217529296875,
  "summary_fg_n": 162589.0,
  "summary_fg_p05": 256.9883056640625,
  "summary_fg_p95": 874.3772705078127,
  "summary_fg_stdv": 197.9751739501953,
  "tsnr": 32.96452290727757
}