{
  "aor": 0.0011278333333333336,
  "aqi": 0.005506672366666666,
  "bids_meta": {
    "CogAtlasID": "https://www.cognitiveatlas.org/task/id/trm_4c8991fadfe01",
    "DeviceSerialNumber": "45031",
    "DwellTime": 5.4e-06,
    "EchoTime": 0.028,
    "EffectiveEchoSpacing": 0.000390001,
    "FlipAngle": 64,
    "InstitutionAddress": "Washington Rd, Princeton, NJ 08540, USA",
    "InstitutionName": "Princeton University",
    "InstitutionalDepartmentName": "Princeton Neuroscience Institute",
    "MagneticFieldStrength": 3,
    "Manufacturer": "Siemens",
    "ManufacturersModelName": "Skyra",
    "NumberOfVolumesDiscardedByScanner": 3,
    "ParallelReductionFactorInPlane": 2,
    "ParallelReductionType": "GRAPPA",
    "PartialFourier": 1,
    "PhaseEncodingDirection": "j-",
    "PixelBandwidth": 1445,
    "PulseSequenceDetails": "%SiemensSeq%_ep2d_bold",
    "PulseSequenceType": "Gradient Echo EPI",
    "ReceiveCoilActiveElements": "HE1-4",
    "ReceiveCoilName": "HeadNeck_20",
    "RepetitionTime": 1.5,
    "ScanOptions": "FS",
    "ScanningSequence": "EP",
    "SequenceName": "_epfid2d1_64",
    "SequenceVariant": "SK",
    "SliceTiming": [
      0,
      0.7775,
      0.055,
      0.8325,
      0.11,
      0.89,
      0.1675,
      0.945,
      0.2225,
      1,
      0.2775,
      1.055,
      0.3325,
      1.11,
      0.39,
      1.1675,
      0.445,
      1.2225,
      0.5,
      1.2775,
      0.555,
      1.3325,
      0.61,
      1.3875,
      0.6675,
      1.445,
      0.7225
    ],
    "SoftwareVersions": "syngo_MR_D11",
    "StationName": "AWP45031",
    "TaskDescription": "Passively listened to audio story 'pieman'",
    "TaskName": "pieman",
    "TotalReadoutTime": 0.0245701,
    "dataset": "ds002345",
    "modality": "bold",
    "run_id": 2,
    "subject_id": "003",
    "task_id": "pieman"
  },
  "dummy_trs": 0,
  "dvars_nstd": 21.278719879832774,
  "dvars_std": 1.2225809909698988,
  "dvars_vstd": 1.0089427461872913,
  "efc": 0.5882602548451749,
  "fber": 2602.79150390625,
  "fd_mean": 0.07340626509283016,
  "fd_num": 0,
  "fd_perc": 0.0,
  "fwhm_avg": 1.7818494444444444,
  "fwhm_x": 1.7299066666666667,
  "fwhm_y": 2.015356666666667,
  "fwhm_z": 1.600285,
  "gcor": 0.017564,
  "gsr_x": -0.003503201063722372,
  "gsr_y": 0.048530325293540955,
  "provenance": {
    "md5sum": "a09e00a0ddd5a1df2b73e1a7a0b24c23",
    "settings": {
      "fd_thres": 0.2,
      "testing": false
    },
    "software": "mriqc",
    "version": "21.0.0rc2",
    "webapi_port": null,
    "webapi_url": "https://mriqc.nimh.nih.gov/api/v1"
  },
  "size_t": 300,
  "size_x": 64,
  "size_y": 64,
  "size_z": 27,
  "snr": 7.3859141608596115,
  "spacing_tr": 1.5,
  "spacing_x": 3.0,
  "spacing_y": 3.0,
  "spacing_z": 4.0,
  "summary_bg_k": 26.848928801124195,
  "summary_bg_mad": 8.119718536487053,
  "summary_bg_mean": 35.42815399169922,
  "summary_bg_median": 13.75,
  "summary_bg_n": 54136.0,
  "summary_bg_p05": 6.890000343322754,
  "summary_bg_p95": 130.5449981689453,
  "summary_bg_stdv": 65.5399169921875,
  "summary_fg_k": 2.767545781111272,
  "summary_fg_mad": 90.72531987632752,
  "summary_fg_mean": 745.0263061523438,
  "summary_fg_median": 738.3433227539062,
  "summary_fg_n": 27845.0,
  "summary_fg_p05": 607.3173583984375,
  "summary_fg_p95": 910.4980102539063,
  "summary_fg_stdv": 99.96461486816406,
  "tsnr": 83.80956268217415
}