{
  "aor": 0.0008851,
  "aqi": 0.008247484433333334,
  "bids_meta": {
    "CogAtlasID": "https://www.cognitiveatlas.org/task/id/trm_4c8991fadfe01",
    "DeviceSerialNumber": "45031",
    "DwellTime": 5.4e-06,
    "EchoTime": 0.028,
    "EffectiveEchoSpacing": 0.000390001,
    "FlipAngle": 64,
    "InstitutionAddress": "Washington Rd, Princeton, NJ 08540, USA",
    "InstitutionName": "Princeton University",
    "InstitutionalDepartmentName": "Princeton Neuroscience Institute",
    "MagneticFieldStrength": 3,
    "Manufacturer": "Siemens",
    "ManufacturersModelName": "Skyra",
    "NumberOfVolumesDiscardedByScanner": 3,
    "ParallelReductionFactorInPlane": 2,
    "ParallelReductionType": "GRAPPA",
    "PartialFourier": 1,
    "PhaseEncodingDirection": "j-",
    "PixelBandwidth": 1445,
    "PulseSequenceDetails": "%SiemensSeq%_ep2d_bold",
    "PulseSequenceType": "Gradient Echo EPI",
    "ReceiveCoilActiveElements": "HE1-4",
    "ReceiveCoilName": "HeadNeck_20",
    "RepetitionTime": 1.5,
    "ScanOptions": "FS",
    "ScanningSequence": "EP",
    "SequenceName": "_epfid2d1_64",
    "SequenceVariant": "SK",
    "SliceTiming": [
      0,
      0.7775,
      0.055,
      0.8325,
      0.11,
      0.89,
      0.1675,
      0.945,
      0.2225,
      1,
      0.2775,
      1.055,
      0.3325,
      1.11,
      0.39,
      1.1675,
      0.445,
      1.2225,
      0.5,
      1.2775,
      0.555,
      1.3325,
      0.61,
      1.3875,
      0.6675,
      1.445,
      0.7225
    ],
    "SoftwareVersions": "syngo_MR_D11",
    "StationName": "AWP45031",
    "TaskDescription": "Passively listened to audio story 'pieman'",
    "TaskName": "pieman",
    "TotalReadoutTime": 0.0245701,
    "dataset": "ds002345",
    "modality": "bold",
    "run_id": 1,
    "subject_id": "003",
    "task_id": "pieman"
  },
  "dummy_trs": 0,
  "dvars_nstd": 21.188080778127112,
  "dvars_std": 1.1854181333444807,
  "dvars_vstd": 0.9795006418394655,
  "efc": 0.5880405240200743,
  "fber": 2656.633544921875,
  "fd_mean": 0.07730278747400905,
  "fd_num": 5,
  "fd_perc": 1.6666666666666667,
  "fwhm_avg": 1.7691447222222223,
  "fwhm_x": 1.7156233333333333,
  "fwhm_y": 2.0106433333333333,
  "fwhm_z": 1.5811675,
  "gcor": 0.0160336,
  "gsr_x": -0.003437162609770894,
  "gsr_y": 0.05000920221209526,
  "provenance": {
    "md5sum": "56daac93afe966e7409cf33823d9b1ca",
    "settings": {
      "fd_thres": 0.2,
      "testing": false
    },
    "software": "mriqc",
    "version": "21.0.0rc2",
    "webapi_port": null,
    "webapi_url": "https://mriqc.nimh.nih.gov/api/v1"
  },
  "size_t": 300,
  "size_x": 64,
  "size_y": 64,
  "size_z": 27,
  "snr": 7.4133242843503115,
  "spacing_tr": 1.5,
  "spacing_x": 3.0,
  "spacing_y": 3.0,
  "spacing_z": 4.0,
  "summary_bg_k": 28.070088016827462,
  "summary_bg_mad": 8.174080212508624,
  "summary_bg_mean": 35.399452209472656,
  "summary_bg_median": 13.660000801086426,
  "summary_bg_n": 54205.0,
  "summary_bg_p05": 6.8466668128967285,
  "summary_bg_p95": 130.75332946777314,
  "summary_bg_stdv": 65.33415985107422,
  "summary_fg_k": 2.891218135246259,
  "summary_fg_mad": 90.18174129194256,
  "summary_fg_mean": 746.6181030273438,
  "summary_fg_median": 740.135009765625,
  "summary_fg_n": 27852.0,
  "summary_fg_p05": 610.2810302734375,
  "summary_fg_p95": 911.9226745605469,
  "summary_fg_stdv": 99.83668518066406,
  "tsnr": 72.98297198629007
}