{
  "aor": 0.0033305869275233437,
  "aqi": 0.024257415931525125,
  "bids_meta": {
    "CogAtlasID": "https://www.cognitiveatlas.org/task/id/trm_4c8991fadfe01",
    "DeviceSerialNumber": "45031",
    "DwellTime": 4.9e-06,
    "EchoTime": 0.028,
    "EffectiveEchoSpacing": 0.000355001,
    "FlipAngle": 64,
    "InstitutionAddress": "Washington Rd, Princeton, NJ 08540, USA",
    "InstitutionName": "Princeton University",
    "InstitutionalDepartmentName": "Princeton Neuroscience Institute",
    "MagneticFieldStrength": 3,
    "Manufacturer": "Siemens",
    "ManufacturersModelName": "Skyra",
    "NumberOfVolumesDiscardedByScanner": 3,
    "ParallelReductionFactorInPlane": 2,
    "ParallelReductionType": "GRAPPA",
    "PartialFourier": 1,
    "PhaseEncodingDirection": "j-",
    "PixelBandwidth": 1595,
    "PulseSequenceDetails": "%SiemensSeq%_ep2d_bold",
    "PulseSequenceType": "Gradient Echo EPI",
    "ReceiveCoilActiveElements": "HE1-4",
    "ReceiveCoilName": "HeadNeck_20",
    "RepetitionTime": 1.5,
    "ScanOptions": "FS",
    "ScanningSequence": "EP",
    "SequenceName": "_epfid2d1_64",
    "SequenceVariant": "SK",
    "SliceTiming": [
      0,
      0.7675,
      0.055,
      0.8225,
      0.11,
      0.8775,
      0.165,
      0.9325,
      0.22,
      0.9875,
      0.275,
      1.0425,
      0.33,
      1.0975,
      0.385,
      1.1525,
      0.44,
      1.2075,
      0.495,
      1.2625,
      0.55,
      1.315,
      0.6025,
      1.37,
      0.6575,
      1.425,
      0.7125
    ],
    "SoftwareVersions": "syngo_MR_E11",
    "StationName": "AWP45031",
    "TaskDescription": "Passively listened to audio story '21styear'",
    "TaskName": "21styear",
    "TotalReadoutTime": 0.022365,
    "dataset": "ds002345",
    "modality": "bold",
    "subject_id": "263",
    "task_id": "21styear"
  },
  "dummy_trs": 0,
  "dvars_nstd": 21.59527128153919,
  "dvars_std": 1.1404492293238435,
  "dvars_vstd": 0.9936257788567608,
  "efc": 0.5764277878417294,
  "fber": 2216.234619140625,
  "fd_mean": 0.14864845480119598,
  "fd_num": 277,
  "fd_perc": 12.316585148955092,
  "fwhm_avg": 1.6943452777777779,
  "fwhm_x": 1.66076,
  "fwhm_y": 1.8906733333333332,
  "fwhm_z": 1.5316025,
  "gcor": 0.0205075,
  "gsr_x": -0.004260149784386158,
  "gsr_y": 0.03910662606358528,
  "provenance": {
    "md5sum": "2ddc0cf2907ee0de889f511e722fa6f0",
    "settings": {
      "fd_thres": 0.2,
      "testing": false
    },
    "software": "mriqc",
    "version": "22.0.0rc1",
    "webapi_port": null,
    "webapi_url": "https://mriqc.nimh.nih.gov/api/v1"
  },
  "size_t": 2249,
  "size_x": 64,
  "size_y": 64,
  "size_z": 27,
  "snr": 7.4207791776220855,
  "spacing_tr": 1.5,
  "spacing_x": 3.0,
  "spacing_y": 3.0,
  "spacing_z": 4.0,
  "summary_bg_k": 40.6296886214017,
  "summary_bg_mad": 9.312904833393247,
  "summary_bg_mean": 36.14548873901367,
  "summary_bg_median": 14.470209121704102,
  "summary_bg_n": 56320.0,
  "summary_bg_p05": 6.806580543518066,
  "summary_bg_p95": 137.87883834838865,
  "summary_bg_stdv": 70.15030670166016,
  "summary_fg_k": 2.6886504125870623,
  "summary_fg_mad": 87.65618668883084,
  "summary_fg_mean": 704.2156982421875,
  "summary_fg_median": 697.4488525390625,
  "summary_fg_n": 26416.0,
  "summary_fg_p05": 577.0974884033203,
  "summary_fg_p95": 855.4247283935547,
  "summary_fg_stdv": 93.9841537475586,
  "tsnr": 43.08958686183905
}