{
  "aor": 0.028803066666666672,
  "aqi": 0.021912523366666666,
  "bids_meta": {
    "CogAtlasID": "https://www.cognitiveatlas.org/task/id/trm_4c8991fadfe01",
    "DeviceSerialNumber": "45031",
    "DwellTime": 5.4e-06,
    "EchoTime": 0.028,
    "EffectiveEchoSpacing": 0.000390001,
    "FlipAngle": 64,
    "InstitutionAddress": "Washington Rd, Princeton, NJ 08540, USA",
    "InstitutionName": "Princeton University",
    "InstitutionalDepartmentName": "Princeton Neuroscience Institute",
    "MagneticFieldStrength": 3,
    "Manufacturer": "Siemens",
    "ManufacturersModelName": "Skyra",
    "NumberOfVolumesDiscardedByScanner": 3,
    "ParallelReductionFactorInPlane": 2,
    "ParallelReductionType": "GRAPPA",
    "PartialFourier": 1,
    "PhaseEncodingDirection": "j-",
    "PixelBandwidth": 1445,
    "PulseSequenceDetails": "%SiemensSeq%_ep2d_bold",
    "PulseSequenceType": "Gradient Echo EPI",
    "ReceiveCoilActiveElements": "HE1-4",
    "ReceiveCoilName": "HeadNeck_20",
    "RepetitionTime": 1.5,
    "ScanOptions": "FS",
    "ScanningSequence": "EP",
    "SequenceName": "_epfid2d1_64",
    "SequenceVariant": "SK",
    "SliceTiming": [
      0,
      0.7775,
      0.055,
      0.8325,
      0.11,
      0.89,
      0.1675,
      0.945,
      0.2225,
      1,
      0.2775,
      1.055,
      0.3325,
      1.11,
      0.39,
      1.1675,
      0.445,
      1.2225,
      0.5,
      1.2775,
      0.555,
      1.3325,
      0.61,
      1.3875,
      0.6675,
      1.445,
      0.7225
    ],
    "SoftwareVersions": "syngo_MR_D11",
    "StationName": "AWP45031",
    "TaskDescription": "Passively listened to audio story 'pieman'",
    "TaskName": "pieman",
    "TotalReadoutTime": 0.0245701,
    "dataset": "ds002345",
    "modality": "bold",
    "run_id": 2,
    "subject_id": "015",
    "task_id": "pieman"
  },
  "dummy_trs": 0,
  "dvars_nstd": 31.094623546387965,
  "dvars_std": 1.5772443503678935,
  "dvars_vstd": 1.2272352068227421,
  "efc": 0.6437876124067756,
  "fber": 1434.0960693359375,
  "fd_mean": 0.24398897041813178,
  "fd_num": 104,
  "fd_perc": 34.666666666666664,
  "fwhm_avg": 1.9291550646430329,
  "fwhm_x": 1.9105966666666667,
  "fwhm_y": 2.2500733333333334,
  "fwhm_z": 1.6267951939290992,
  "gcor": 0.0140295,
  "gsr_x": -0.00837058573961258,
  "gsr_y": 0.0515807643532753,
  "provenance": {
    "md5sum": "62fb84001bd10096955f5075c4085696",
    "settings": {
      "fd_thres": 0.2,
      "testing": false
    },
    "software": "mriqc",
    "version": "21.0.0rc2",
    "webapi_port": null,
    "webapi_url": "https://mriqc.nimh.nih.gov/api/v1"
  },
  "size_t": 300,
  "size_x": 64,
  "size_y": 64,
  "size_z": 27,
  "snr": 5.814989679829368,
  "spacing_tr": 1.5,
  "spacing_x": 3.0,
  "spacing_y": 3.0,
  "spacing_z": 3.999999523162842,
  "summary_bg_k": 18.372586055768696,
  "summary_bg_mad": 16.827535745606443,
  "summary_bg_mean": 56.648921966552734,
  "summary_bg_median": 20.296667098999023,
  "summary_bg_n": 48557.0,
  "summary_bg_p05": 6.7166666984558105,
  "summary_bg_p95": 242.42333984374957,
  "summary_bg_stdv": 96.40768432617188,
  "summary_fg_k": 2.464948499516778,
  "summary_fg_mad": 115.99882834277004,
  "summary_fg_mean": 825.722900390625,
  "summary_fg_median": 806.223388671875,
  "summary_fg_n": 33796.0,
  "summary_fg_p05": 649.3025054931641,
  "summary_fg_p95": 1079.7933044433594,
  "summary_fg_stdv": 138.64366149902344,
  "tsnr": 46.341824820265174
}