{
  "aor": 0.0014742517006802723,
  "aqi": 0.008211301870748299,
  "bids_meta": {
    "AcquisitionMatrixPE": 96,
    "BandwidthPerPixelPhaseEncode": 20.425,
    "BaseResolution": 96,
    "BodyPartExamined": "BRAIN",
    "ConsistencyInfo": "N4_VE11C_LATEST_20160120",
    "ConversionSoftware": "dcm2niix",
    "ConversionSoftwareVersion": "v1.0.20180328 GCC6.3.0",
    "DerivedVendorReportedEchoSpacing": 0.000509996,
    "DeviceSerialNumber": "66018",
    "DwellTime": 2.1e-06,
    "EchoTime": 0.031,
    "EchoTrainLength": 96,
    "EffectiveEchoSpacing": 0.000509996,
    "FlipAngle": 67,
    "ImageOrientationPatientDICOM": [
      1,
      0,
      0,
      0,
      1,
      0
    ],
    "ImageType": [
      "ORIGINAL",
      "PRIMARY",
      "M",
      "ND",
      "NORM",
      "MOSAIC"
    ],
    "InPlanePhaseEncodingDirectionDICOM": "COL",
    "InstitutionAddress": "Washington Rd, Princeton, NJ 08540, USA",
    "InstitutionName": "Princeton University",
    "InstitutionalDepartmentName": "Princeton Neuroscience Institute",
    "MRAcquisitionType": "2D",
    "MagneticFieldStrength": 3,
    "Manufacturer": "Siemens",
    "ManufacturersModelName": "Prisma",
    "Modality": "MR",
    "MultibandAccelerationFactor": 3,
    "NumberOfVolumesDiscardedByScanner": 3,
    "PartialFourier": 1,
    "PatientPosition": "HFS",
    "PercentPhaseFOV": 100,
    "PhaseEncodingDirection": "j-",
    "PhaseEncodingSteps": 96,
    "PhaseResolution": 1,
    "PixelBandwidth": 2480,
    "ProcedureStepDescription": "Hasson_Nastase_042518_Storyteller",
    "ProtocolName": "func_task-pieman",
    "PulseSequenceDetails": "%SiemensSeq%_ep2d_bold",
    "ReceiveCoilActiveElements": "HC1-7;NC1,2",
    "ReceiveCoilName": "HeadNeck_64",
    "ReconMatrixPE": 96,
    "RepetitionTime": 1.5,
    "SAR": 0.0367028,
    "ScanOptions": "FS",
    "ScanningSequence": "EP",
    "SequenceName": "_epfid2d1_96",
    "SequenceVariant": "SK",
    "SeriesDescription": "func_task-pieman",
    "SeriesNumber": 7,
    "ShimSetting": [
      755,
      525,
      2145,
      770,
      -34,
      173,
      249,
      28
    ],
    "SliceThickness": 2.5,
    "SliceTiming": [
      1.11,
      0,
      0.74,
      0.0925,
      0.8325,
      0.185,
      0.925,
      0.2775,
      1.0175,
      0.4625,
      1.2025,
      0.555,
      1.295,
      0.6475,
      1.3875,
      0.37,
      1.11,
      0,
      0.74,
      0.0925,
      0.8325,
      0.185,
      0.925,
      0.2775,
      1.0175,
      0.4625,
      1.2025,
      0.555,
      1.295,
      0.6475,
      1.3875,
      0.37,
      1.11,
      0,
      0.74,
      0.0925,
      0.8325,
      0.185,
      0.925,
      0.2775,
      1.0175,
      0.4625,
      1.2025,
      0.555,
      1.295,
      0.6475,
      1.3875,
      0.37
    ],
    "SoftwareVersions": "syngo_MR_E11",
    "SpacingBetweenSlices": 2.5,
    "StationName": "AWP66018",
    "TaskDescription": "Passively listened to audio story 'piemanpni'",
    "TaskName": "piemanpni",
    "TotalReadoutTime": 0.0484496,
    "TxRefAmp": 218.491,
    "dataset": "ds002345",
    "modality": "bold",
    "subject_id": "265",
    "task_id": "piemanpni"
  },
  "dummy_trs": 0,
  "dvars_nstd": 28.949879558498296,
  "dvars_std": 1.3058427816382254,
  "dvars_vstd": 1.008107731808873,
  "efc": 0.4808388652257521,
  "fber": 3902.33642578125,
  "fd_mean": 0.13355104763246178,
  "fd_num": 35,
  "fd_perc": 11.904761904761905,
  "fwhm_avg": 1.992832,
  "fwhm_x": 1.8761320000000001,
  "fwhm_y": 2.1903639999999998,
  "fwhm_z": 1.9120000000000001,
  "gcor": 0.0181535,
  "gsr_x": -0.02122911810874939,
  "gsr_y": 0.030712949112057686,
  "provenance": {
    "md5sum": "88bdeb31f15a27c9002b08fccfe45965",
    "settings": {
      "fd_thres": 0.2,
      "testing": false
    },
    "software": "mriqc",
    "version": "22.0.0rc1",
    "webapi_port": null,
    "webapi_url": "https://mriqc.nimh.nih.gov/api/v1"
  },
  "size_t": 294,
  "size_x": 96,
  "size_y": 96,
  "size_z": 48,
  "snr": 5.769088970075028,
  "spacing_tr": 1.5,
  "spacing_x": 2.5,
  "spacing_y": 2.5,
  "spacing_z": 2.5,
  "summary_bg_k": 33.14356025269418,
  "summary_bg_mad": 6.747352564057834,
  "summary_bg_mean": 28.001209259033203,
  "summary_bg_median": 11.251700401306152,
  "summary_bg_n": 300381.0,
  "summary_bg_p05": 5.068027019500732,
  "summary_bg_p95": 109.76870727539062,
  "summary_bg_stdv": 54.34113311767578,
  "summary_fg_k": 2.3303394598162006,
  "summary_fg_mad": 115.72360039797117,
  "summary_fg_mean": 713.021240234375,
  "summary_fg_median": 711.3162841796875,
  "summary_fg_n": 78301.0,
  "summary_fg_p05": 538.0986328125,
  "summary_fg_p95": 907.4898071289062,
  "summary_fg_stdv": 123.29706573486328,
  "tsnr": 60.70394663908519
}