{
  "aor": 0.0007650000000000001,
  "aqi": 0.020263547036363634,
  "bids_meta": {
    "AcquisitionMatrixPE": 96,
    "BandwidthPerPixelPhaseEncode": 20.425,
    "BaseResolution": 96,
    "BodyPartExamined": "BRAIN",
    "ConsistencyInfo": "N4_VE11C_LATEST_20160120",
    "ConversionSoftware": "dcm2niix",
    "ConversionSoftwareVersion": "v1.0.20180328 GCC6.3.0",
    "DerivedVendorReportedEchoSpacing": 0.000509996,
    "DeviceSerialNumber": "66018",
    "DwellTime": 2.1e-06,
    "EchoTime": 0.031,
    "EchoTrainLength": 96,
    "EffectiveEchoSpacing": 0.000509996,
    "FlipAngle": 67,
    "ImageOrientationPatientDICOM": [
      1,
      0,
      0,
      0,
      1,
      0
    ],
    "ImageType": [
      "ORIGINAL",
      "PRIMARY",
      "M",
      "ND",
      "NORM",
      "MOSAIC"
    ],
    "InPlanePhaseEncodingDirectionDICOM": "COL",
    "InstitutionAddress": "Washington Rd, Princeton, NJ 08540, USA",
    "InstitutionName": "Princeton University",
    "InstitutionalDepartmentName": "Princeton Neuroscience Institute",
    "MRAcquisitionType": "2D",
    "MagneticFieldStrength": 3,
    "Manufacturer": "Siemens",
    "ManufacturersModelName": "Prisma",
    "Modality": "MR",
    "MultibandAccelerationFactor": 3,
    "NumberOfVolumesDiscardedByScanner": 3,
    "PartialFourier": 1,
    "PatientPosition": "HFS",
    "PercentPhaseFOV": 100,
    "PhaseEncodingDirection": "j-",
    "PhaseEncodingSteps": 96,
    "PhaseResolution": 1,
    "PixelBandwidth": 2480,
    "ProcedureStepDescription": "Hasson_Nastase_042518_Storyteller",
    "ProtocolName": "func_task-black",
    "PulseSequenceDetails": "%SiemensSeq%_ep2d_bold",
    "ReceiveCoilActiveElements": "HC1-7;NC1,2",
    "ReceiveCoilName": "HeadNeck_64",
    "ReconMatrixPE": 96,
    "RepetitionTime": 1.5,
    "SAR": 0.0367445,
    "ScanOptions": "FS",
    "ScanningSequence": "EP",
    "SequenceName": "_epfid2d1_96",
    "SequenceVariant": "SK",
    "SeriesDescription": "func_task-black",
    "SeriesNumber": 11,
    "ShimSetting": [
      755,
      525,
      2145,
      770,
      -34,
      173,
      249,
      28
    ],
    "SliceThickness": 2.5,
    "SliceTiming": [
      1.11,
      0,
      0.74,
      0.0925,
      0.8325,
      0.185,
      0.925,
      0.2775,
      1.0175,
      0.4625,
      1.2025,
      0.555,
      1.295,
      0.6475,
      1.3875,
      0.37,
      1.11,
      0,
      0.74,
      0.0925,
      0.8325,
      0.185,
      0.925,
      0.2775,
      1.0175,
      0.4625,
      1.2025,
      0.555,
      1.295,
      0.6475,
      1.3875,
      0.37,
      1.11,
      0,
      0.74,
      0.0925,
      0.8325,
      0.185,
      0.925,
      0.2775,
      1.0175,
      0.4625,
      1.2025,
      0.555,
      1.295,
      0.6475,
      1.3875,
      0.37
    ],
    "SoftwareVersions": "syngo_MR_E11",
    "SpacingBetweenSlices": 2.5,
    "StationName": "AWP66018",
    "TaskDescription": "Passively listened to audio story 'black'",
    "TaskName": "black",
    "TotalReadoutTime": 0.0484496,
    "TxRefAmp": 218.491,
    "dataset": "ds002345",
    "modality": "bold",
    "subject_id": "265",
    "task_id": "black"
  },
  "dummy_trs": 0,
  "dvars_nstd": 30.194233548779607,
  "dvars_std": 1.2351077094171226,
  "dvars_vstd": 0.961837844043715,
  "efc": 0.4811625665329362,
  "fber": 3774.3271484375,
  "fd_mean": 0.18490802239256518,
  "fd_num": 159,
  "fd_perc": 28.90909090909091,
  "fwhm_avg": 2.0224386666666665,
  "fwhm_x": 1.9102160000000001,
  "fwhm_y": 2.206768,
  "fwhm_z": 1.950332,
  "gcor": 0.0101605,
  "gsr_x": -0.021814605221152306,
  "gsr_y": 0.027196576818823814,
  "provenance": {
    "md5sum": "443d4204f08bddc94fe423c1a45c11bd",
    "settings": {
      "fd_thres": 0.2,
      "testing": false
    },
    "software": "mriqc",
    "version": "22.0.0rc1",
    "webapi_port": null,
    "webapi_url": "https://mriqc.nimh.nih.gov/api/v1"
  },
  "size_t": 550,
  "size_x": 96,
  "size_y": 96,
  "size_z": 48,
  "snr": 5.743452137811411,
  "spacing_tr": 1.5,
  "spacing_x": 2.5,
  "spacing_y": 2.5,
  "spacing_z": 2.5,
  "summary_bg_k": 35.40633636223814,
  "summary_bg_mad": 6.819970063733804,
  "summary_bg_mean": 28.432151794433594,
  "summary_bg_median": 11.460000038146973,
  "summary_bg_n": 300677.0,
  "summary_bg_p05": 5.145454406738281,
  "summary_bg_p95": 112.4192733764649,
  "summary_bg_stdv": 55.425079345703125,
  "summary_fg_k": 2.113974148926019,
  "summary_fg_mad": 115.65374145554645,
  "summary_fg_mean": 712.777587890625,
  "summary_fg_median": 709.6627197265625,
  "summary_fg_n": 78016.0,
  "summary_fg_p05": 539.0109252929688,
  "summary_fg_p95": 911.322265625,
  "summary_fg_stdv": 123.55951690673828,
  "tsnr": 42.382123158546165
}