{
  "aor": 0.0006171428571428571,
  "aqi": 0.016635610905923345,
  "bids_meta": {
    "AcquisitionMatrixPE": 96,
    "BandwidthPerPixelPhaseEncode": 20.425,
    "BaseResolution": 96,
    "BodyPartExamined": "BRAIN",
    "ConsistencyInfo": "N4_VE11C_LATEST_20160120",
    "ConversionSoftware": "dcm2niix",
    "ConversionSoftwareVersion": "v1.0.20180328 GCC6.3.0",
    "DerivedVendorReportedEchoSpacing": 0.000509996,
    "DeviceSerialNumber": "66018",
    "DwellTime": 2.1e-06,
    "EchoTime": 0.031,
    "EchoTrainLength": 96,
    "EffectiveEchoSpacing": 0.000509996,
    "FlipAngle": 67,
    "ImageOrientationPatientDICOM": [
      1,
      0,
      0,
      0,
      1,
      0
    ],
    "ImageType": [
      "ORIGINAL",
      "PRIMARY",
      "M",
      "ND",
      "NORM",
      "MOSAIC"
    ],
    "InPlanePhaseEncodingDirectionDICOM": "COL",
    "InstitutionAddress": "Washington Rd, Princeton, NJ 08540, USA",
    "InstitutionName": "Princeton University",
    "InstitutionalDepartmentName": "Princeton Neuroscience Institute",
    "MRAcquisitionType": "2D",
    "MagneticFieldStrength": 3,
    "Manufacturer": "Siemens",
    "ManufacturersModelName": "Prisma",
    "Modality": "MR",
    "MultibandAccelerationFactor": 3,
    "NumberOfVolumesDiscardedByScanner": 3,
    "PartialFourier": 1,
    "PatientPosition": "HFS",
    "PercentPhaseFOV": 100,
    "PhaseEncodingDirection": "j-",
    "PhaseEncodingSteps": 96,
    "PhaseResolution": 1,
    "PixelBandwidth": 2480,
    "ProcedureStepDescription": "Hasson_Nastase_042518_Storyteller",
    "ProtocolName": "func_task-forgot",
    "PulseSequenceDetails": "%SiemensSeq%_ep2d_bold",
    "ReceiveCoilActiveElements": "HC1-7;NC1,2",
    "ReceiveCoilName": "HeadNeck_64",
    "ReconMatrixPE": 96,
    "RepetitionTime": 1.5,
    "SAR": 0.0367466,
    "ScanOptions": "FS",
    "ScanningSequence": "EP",
    "SequenceName": "_epfid2d1_96",
    "SequenceVariant": "SK",
    "SeriesDescription": "func_task-forgot",
    "SeriesNumber": 10,
    "ShimSetting": [
      755,
      525,
      2145,
      770,
      -34,
      173,
      249,
      28
    ],
    "SliceThickness": 2.5,
    "SliceTiming": [
      1.11,
      0,
      0.74,
      0.0925,
      0.8325,
      0.185,
      0.925,
      0.2775,
      1.0175,
      0.4625,
      1.2025,
      0.555,
      1.295,
      0.6475,
      1.3875,
      0.37,
      1.11,
      0,
      0.74,
      0.0925,
      0.8325,
      0.185,
      0.925,
      0.2775,
      1.0175,
      0.4625,
      1.2025,
      0.555,
      1.295,
      0.6475,
      1.3875,
      0.37,
      1.11,
      0,
      0.74,
      0.0925,
      0.8325,
      0.185,
      0.925,
      0.2775,
      1.0175,
      0.4625,
      1.2025,
      0.555,
      1.295,
      0.6475,
      1.3875,
      0.37
    ],
    "SoftwareVersions": "syngo_MR_E11",
    "SpacingBetweenSlices": 2.5,
    "StationName": "AWP66018",
    "TaskDescription": "Passively listened to audio story 'forgot'",
    "TaskName": "forgot",
    "TotalReadoutTime": 0.0484496,
    "TxRefAmp": 218.491,
    "dataset": "ds002345",
    "modality": "bold",
    "subject_id": "265",
    "task_id": "forgot"
  },
  "dummy_trs": 0,
  "dvars_nstd": 29.068660366596845,
  "dvars_std": 1.2018693381675387,
  "dvars_vstd": 0.9416327745549743,
  "efc": 0.48101409990059374,
  "fber": 3808.20849609375,
  "fd_mean": 0.14315811580431745,
  "fd_num": 93,
  "fd_perc": 16.202090592334496,
  "fwhm_avg": 2.0526906666666664,
  "fwhm_x": 1.9235479999999998,
  "fwhm_y": 2.2550280000000003,
  "fwhm_z": 1.979496,
  "gcor": 0.00733346,
  "gsr_x": -0.02080722711980343,
  "gsr_y": 0.031510129570961,
  "provenance": {
    "md5sum": "1d3e249477d4d0f69c49e1c771be6952",
    "settings": {
      "fd_thres": 0.2,
      "testing": false
    },
    "software": "mriqc",
    "version": "22.0.0rc1",
    "webapi_port": null,
    "webapi_url": "https://mriqc.nimh.nih.gov/api/v1"
  },
  "size_t": 574,
  "size_x": 96,
  "size_y": 96,
  "size_z": 48,
  "snr": 5.755614014117065,
  "spacing_tr": 1.5,
  "spacing_x": 2.5,
  "spacing_y": 2.5,
  "spacing_z": 2.5,
  "summary_bg_k": 32.85277999543272,
  "summary_bg_mad": 6.7750265065490805,
  "summary_bg_mean": 28.239540100097656,
  "summary_bg_median": 11.341463088989258,
  "summary_bg_n": 300785.0,
  "summary_bg_p05": 5.0853657722473145,
  "summary_bg_p95": 111.45923309326167,
  "summary_bg_stdv": 54.619625091552734,
  "summary_fg_k": 2.2717952009196294,
  "summary_fg_mad": 114.93261980764173,
  "summary_fg_mean": 709.6806030273438,
  "summary_fg_median": 708.2918701171875,
  "summary_fg_n": 78168.0,
  "summary_fg_p05": 535.1088836669923,
  "summary_fg_p95": 903.9070556640625,
  "summary_fg_stdv": 123.06025695800781,
  "tsnr": 47.0913364184089
}