{
  "aor": 0.0005488717948717948,
  "aqi": 0.009549556076923076,
  "bids_meta": {
    "AcquisitionMatrixPE": 96,
    "BandwidthPerPixelPhaseEncode": 20.425,
    "BaseResolution": 96,
    "BodyPartExamined": "BRAIN",
    "ConsistencyInfo": "N4_VE11C_LATEST_20160120",
    "ConversionSoftware": "dcm2niix",
    "ConversionSoftwareVersion": "v1.0.20180328 GCC6.3.0",
    "DerivedVendorReportedEchoSpacing": 0.000509996,
    "DeviceSerialNumber": "66018",
    "DwellTime": 2.1e-06,
    "EchoTime": 0.031,
    "EchoTrainLength": 96,
    "EffectiveEchoSpacing": 0.000509996,
    "FlipAngle": 67,
    "ImageOrientationPatientDICOM": [
      1,
      0,
      0,
      0,
      1,
      0
    ],
    "ImageType": [
      "ORIGINAL",
      "PRIMARY",
      "M",
      "ND",
      "NORM",
      "MOSAIC"
    ],
    "InPlanePhaseEncodingDirectionDICOM": "COL",
    "InstitutionAddress": "Washington Rd, Princeton, NJ 08540, USA",
    "InstitutionName": "Princeton University",
    "InstitutionalDepartmentName": "Princeton Neuroscience Institute",
    "MRAcquisitionType": "2D",
    "MagneticFieldStrength": 3,
    "Manufacturer": "Siemens",
    "ManufacturersModelName": "Prisma",
    "Modality": "MR",
    "MultibandAccelerationFactor": 3,
    "NumberOfVolumesDiscardedByScanner": 3,
    "PartialFourier": 1,
    "PatientPosition": "HFS",
    "PercentPhaseFOV": 100,
    "PhaseEncodingDirection": "j-",
    "PhaseEncodingSteps": 96,
    "PhaseResolution": 1,
    "PixelBandwidth": 2480,
    "ProcedureStepDescription": "Hasson_Nastase_042518_Storyteller",
    "ProtocolName": "func_task-bronx",
    "PulseSequenceDetails": "%SiemensSeq%_ep2d_bold",
    "ReceiveCoilActiveElements": "HC1-7;NC1,2",
    "ReceiveCoilName": "HeadNeck_64",
    "ReconMatrixPE": 96,
    "RepetitionTime": 1.5,
    "SAR": 0.0367248,
    "ScanOptions": "FS",
    "ScanningSequence": "EP",
    "SequenceName": "_epfid2d1_96",
    "SequenceVariant": "SK",
    "SeriesDescription": "func_task-bronx",
    "SeriesNumber": 9,
    "ShimSetting": [
      755,
      525,
      2145,
      770,
      -34,
      173,
      249,
      28
    ],
    "SliceThickness": 2.5,
    "SliceTiming": [
      1.11,
      0,
      0.74,
      0.0925,
      0.8325,
      0.185,
      0.925,
      0.2775,
      1.0175,
      0.4625,
      1.2025,
      0.555,
      1.295,
      0.6475,
      1.3875,
      0.37,
      1.11,
      0,
      0.74,
      0.0925,
      0.8325,
      0.185,
      0.925,
      0.2775,
      1.0175,
      0.4625,
      1.2025,
      0.555,
      1.295,
      0.6475,
      1.3875,
      0.37,
      1.11,
      0,
      0.74,
      0.0925,
      0.8325,
      0.185,
      0.925,
      0.2775,
      1.0175,
      0.4625,
      1.2025,
      0.555,
      1.295,
      0.6475,
      1.3875,
      0.37
    ],
    "SoftwareVersions": "syngo_MR_E11",
    "SpacingBetweenSlices": 2.5,
    "StationName": "AWP66018",
    "TaskDescription": "Passively listened to audio story 'bronx'",
    "TaskName": "bronx",
    "TotalReadoutTime": 0.0484496,
    "TxRefAmp": 218.491,
    "dataset": "ds002345",
    "modality": "bold",
    "subject_id": "265",
    "task_id": "bronx"
  },
  "dummy_trs": 0,
  "dvars_nstd": 28.49786408318768,
  "dvars_std": 1.2842377787660677,
  "dvars_vstd": 0.9865612936503851,
  "efc": 0.4803841473392471,
  "fber": 3798.712890625,
  "fd_mean": 0.11795280714195638,
  "fd_num": 19,
  "fd_perc": 4.871794871794871,
  "fwhm_avg": 2.0062506666666664,
  "fwhm_x": 1.882196,
  "fwhm_y": 2.1905799999999997,
  "fwhm_z": 1.945976,
  "gcor": 0.0143003,
  "gsr_x": -0.020838016644120216,
  "gsr_y": 0.03138567879796028,
  "provenance": {
    "md5sum": "6a9a7badc7ac1aca2a5d9b4a30288289",
    "settings": {
      "fd_thres": 0.2,
      "testing": false
    },
    "software": "mriqc",
    "version": "22.0.0rc1",
    "webapi_port": null,
    "webapi_url": "https://mriqc.nimh.nih.gov/api/v1"
  },
  "size_t": 390,
  "size_x": 96,
  "size_y": 96,
  "size_z": 48,
  "snr": 5.762284013382899,
  "spacing_tr": 1.5,
  "spacing_x": 2.5,
  "spacing_y": 2.5,
  "spacing_z": 2.5,
  "summary_bg_k": 33.69156343470653,
  "summary_bg_mad": 6.778153389871057,
  "summary_bg_mean": 28.055877685546875,
  "summary_bg_median": 11.374359130859375,
  "summary_bg_n": 300751.0,
  "summary_bg_p05": 5.123076915740967,
  "summary_bg_p95": 110.34744262695312,
  "summary_bg_stdv": 54.615596771240234,
  "summary_fg_k": 2.206331642238248,
  "summary_fg_mad": 115.84829680038209,
  "summary_fg_mean": 712.7596435546875,
  "summary_fg_median": 710.8974609375,
  "summary_fg_n": 78047.0,
  "summary_fg_p05": 537.935400390625,
  "summary_fg_p95": 908.2548706054687,
  "summary_fg_stdv": 123.36998748779297,
  "tsnr": 60.23245103121735
}