{
  "aor": 0.007296958648288128,
  "aqi": 0.06257509426411738,
  "bids_meta": {
    "CogAtlasID": "https://www.cognitiveatlas.org/task/id/trm_4c8991fadfe01",
    "DeviceSerialNumber": "45031",
    "DwellTime": 4.9e-06,
    "EchoTime": 0.028,
    "EffectiveEchoSpacing": 0.000355001,
    "FlipAngle": 64,
    "InstitutionAddress": "Washington Rd, Princeton, NJ 08540, USA",
    "InstitutionName": "Princeton University",
    "InstitutionalDepartmentName": "Princeton Neuroscience Institute",
    "MagneticFieldStrength": 3,
    "Manufacturer": "Siemens",
    "ManufacturersModelName": "Skyra",
    "NumberOfVolumesDiscardedByScanner": 3,
    "ParallelReductionFactorInPlane": 2,
    "ParallelReductionType": "GRAPPA",
    "PartialFourier": 1,
    "PhaseEncodingDirection": "j-",
    "PixelBandwidth": 1595,
    "PulseSequenceDetails": "%SiemensSeq%_ep2d_bold",
    "PulseSequenceType": "Gradient Echo EPI",
    "ReceiveCoilActiveElements": "HE1-4",
    "ReceiveCoilName": "HeadNeck_20",
    "RepetitionTime": 1.5,
    "ScanOptions": "FS",
    "ScanningSequence": "EP",
    "SequenceName": "_epfid2d1_64",
    "SequenceVariant": "SK",
    "SliceTiming": [
      0,
      0.7675,
      0.055,
      0.8225,
      0.11,
      0.8775,
      0.165,
      0.9325,
      0.22,
      0.9875,
      0.275,
      1.0425,
      0.33,
      1.0975,
      0.385,
      1.1525,
      0.44,
      1.2075,
      0.495,
      1.2625,
      0.55,
      1.315,
      0.6025,
      1.37,
      0.6575,
      1.425,
      0.7125
    ],
    "SoftwareVersions": "syngo_MR_E11",
    "StationName": "AWP45031",
    "TaskDescription": "Passively listened to audio story '21styear'",
    "TaskName": "21styear",
    "TotalReadoutTime": 0.022365,
    "dataset": "ds002345",
    "modality": "bold",
    "subject_id": "265",
    "task_id": "21styear"
  },
  "dummy_trs": 0,
  "dvars_nstd": 23.033286602838054,
  "dvars_std": 1.127200214688611,
  "dvars_vstd": 0.9726019323131648,
  "efc": 0.5974374303329847,
  "fber": 2198.951904296875,
  "fd_mean": 0.20106345367399492,
  "fd_num": 500,
  "fd_perc": 22.232103156958647,
  "fwhm_avg": 1.7351241666666668,
  "fwhm_x": 1.6862199999999998,
  "fwhm_y": 1.9973400000000001,
  "fwhm_z": 1.5218125,
  "gcor": 0.0168529,
  "gsr_x": -0.017471034079790115,
  "gsr_y": 0.05775626003742218,
  "provenance": {
    "md5sum": "7b09854abd3669a1d3c4e7dc80c402f3",
    "settings": {
      "fd_thres": 0.2,
      "testing": false
    },
    "software": "mriqc",
    "version": "22.0.0rc1",
    "webapi_port": null,
    "webapi_url": "https://mriqc.nimh.nih.gov/api/v1"
  },
  "size_t": 2249,
  "size_x": 64,
  "size_y": 64,
  "size_z": 27,
  "snr": 7.269516128614464,
  "spacing_tr": 1.5,
  "spacing_x": 3.0,
  "spacing_y": 3.0,
  "spacing_z": 4.0,
  "summary_bg_k": 30.417486133594437,
  "summary_bg_mad": 9.959936384298999,
  "summary_bg_mean": 38.104888916015625,
  "summary_bg_median": 14.891952514648438,
  "summary_bg_n": 52364.0,
  "summary_bg_p05": 6.809693336486816,
  "summary_bg_p95": 143.8720718383788,
  "summary_bg_stdv": 68.13227844238281,
  "summary_fg_k": 2.1699132276200084,
  "summary_fg_mad": 94.9494783761414,
  "summary_fg_mean": 726.4432983398438,
  "summary_fg_median": 716.779052734375,
  "summary_fg_n": 28584.0,
  "summary_fg_p05": 593.9884429931641,
  "summary_fg_p95": 893.6626068115233,
  "summary_fg_stdv": 98.59893035888672,
  "tsnr": 31.577033244539052
}