{
  "aor": 0.0029374143302180683,
  "aqi": 0.03684624321317312,
  "bids_meta": {
    "CogAtlasID": "https://www.cognitiveatlas.org/task/id/trm_4c8991fadfe01",
    "DeviceSerialNumber": "45031",
    "DwellTime": 4.9e-06,
    "EchoTime": 0.028,
    "EffectiveEchoSpacing": 0.000355001,
    "FlipAngle": 64,
    "InstitutionAddress": "Washington Rd, Princeton, NJ 08540, USA",
    "InstitutionName": "Princeton University",
    "InstitutionalDepartmentName": "Princeton Neuroscience Institute",
    "MagneticFieldStrength": 3,
    "Manufacturer": "Siemens",
    "ManufacturersModelName": "Skyra",
    "NumberOfVolumesDiscardedByScanner": 3,
    "ParallelReductionFactorInPlane": 2,
    "ParallelReductionType": "GRAPPA",
    "PartialFourier": 1,
    "PhaseEncodingDirection": "j-",
    "PixelBandwidth": 1595,
    "PulseSequenceDetails": "%SiemensSeq%_ep2d_bold",
    "PulseSequenceType": "Gradient Echo EPI",
    "ReceiveCoilActiveElements": "HE1-4",
    "ReceiveCoilName": "HeadNeck_20",
    "RepetitionTime": 1.5,
    "ScanOptions": "FS",
    "ScanningSequence": "EP",
    "SequenceName": "_epfid2d1_64",
    "SequenceVariant": "SK",
    "SliceTiming": [
      0,
      0.7675,
      0.055,
      0.8225,
      0.11,
      0.8775,
      0.165,
      0.9325,
      0.22,
      0.9875,
      0.275,
      1.0425,
      0.33,
      1.0975,
      0.385,
      1.1525,
      0.44,
      1.2075,
      0.495,
      1.2625,
      0.55,
      1.315,
      0.6025,
      1.37,
      0.6575,
      1.425,
      0.7125
    ],
    "SoftwareVersions": "syngo_MR_E11",
    "StationName": "AWP45031",
    "TaskDescription": "Passively listened to audio story '21styear'",
    "TaskName": "21styear",
    "TotalReadoutTime": 0.022365,
    "dataset": "ds002345",
    "modality": "bold",
    "subject_id": "270",
    "task_id": "21styear"
  },
  "dummy_trs": 2,
  "dvars_nstd": 23.878236401130913,
  "dvars_std": 1.0490172705609977,
  "dvars_vstd": 0.9483971191807662,
  "efc": 0.5756814868862813,
  "fber": 2018.0322265625,
  "fd_mean": 0.22080447361440272,
  "fd_num": 664,
  "fd_perc": 29.550511793502448,
  "fwhm_avg": 1.7303614186760636,
  "fwhm_x": 1.7200033333333333,
  "fwhm_y": 1.9718433333333334,
  "fwhm_z": 1.499237589361524,
  "gcor": 0.0118504,
  "gsr_x": -0.0034762623254209757,
  "gsr_y": 0.04325150325894356,
  "provenance": {
    "md5sum": "a93100eebbbfb065ee574c256eb19373",
    "settings": {
      "fd_thres": 0.2,
      "testing": false
    },
    "software": "mriqc",
    "version": "22.0.0rc1",
    "webapi_port": null,
    "webapi_url": "https://mriqc.nimh.nih.gov/api/v1"
  },
  "size_t": 2247,
  "size_x": 64,
  "size_y": 64,
  "size_z": 27,
  "snr": 6.888396287306536,
  "spacing_tr": 1.5,
  "spacing_x": 3.0,
  "spacing_y": 3.0,
  "spacing_z": 3.999999761581421,
  "summary_bg_k": 36.44486357185069,
  "summary_bg_mad": 9.328450880024553,
  "summary_bg_mean": 37.80051803588867,
  "summary_bg_median": 14.29016399383545,
  "summary_bg_n": 56589.0,
  "summary_bg_p05": 6.7801513671875,
  "summary_bg_p95": 144.56840209960933,
  "summary_bg_stdv": 73.63321685791016,
  "summary_fg_k": 2.973704477246362,
  "summary_fg_mad": 86.46238604383359,
  "summary_fg_mean": 658.6705932617188,
  "summary_fg_median": 648.0411376953125,
  "summary_fg_n": 25508.0,
  "summary_fg_p05": 536.0801422119141,
  "summary_fg_p95": 812.6481933593749,
  "summary_fg_stdv": 94.07537078857422,
  "tsnr": 33.97280491376296
}