{
  "aor": 0.0008875368421052632,
  "aqi": 0.01401706505263158,
  "bids_meta": {
    "CogAtlasID": "https://www.cognitiveatlas.org/task/id/trm_4c8991fadfe01",
    "DeviceSerialNumber": "45031",
    "DwellTime": 5.4e-06,
    "EchoTime": 0.028,
    "EffectiveEchoSpacing": 0.000390001,
    "FlipAngle": 64,
    "InstitutionAddress": "Washington Rd, Princeton, NJ 08540, USA",
    "InstitutionName": "Princeton University",
    "InstitutionalDepartmentName": "Princeton Neuroscience Institute",
    "MagneticFieldStrength": 3,
    "Manufacturer": "Siemens",
    "ManufacturersModelName": "Skyra",
    "NumberOfVolumesDiscardedByScanner": 3,
    "ParallelReductionFactorInPlane": 2,
    "ParallelReductionType": "GRAPPA",
    "PartialFourier": 1,
    "PhaseEncodingDirection": "j-",
    "PixelBandwidth": 1445,
    "PulseSequenceDetails": "%SiemensSeq%_ep2d_bold",
    "PulseSequenceType": "Gradient Echo EPI",
    "ReceiveCoilActiveElements": "HE1-4",
    "ReceiveCoilName": "HeadNeck_20",
    "RepetitionTime": 1.5,
    "ScanOptions": "FS",
    "ScanningSequence": "EP",
    "SequenceName": "_epfid2d1_64",
    "SequenceVariant": "SK",
    "SliceTiming": [
      0,
      0.7775,
      0.055,
      0.8325,
      0.11,
      0.8875,
      0.165,
      0.9425,
      0.22,
      0.9975,
      0.2775,
      1.055,
      0.3325,
      1.11,
      0.3875,
      1.165,
      0.4425,
      1.22,
      0.5,
      1.2775,
      0.555,
      1.3325,
      0.61,
      1.3875,
      0.665,
      1.4425,
      0.72
    ],
    "SoftwareVersions": "syngo_MR_D11",
    "StationName": "AWP45031",
    "TaskDescription": "Passively listened to audio story 'prettymouth'",
    "TaskName": "prettymouth",
    "TotalReadoutTime": 0.0245701,
    "dataset": "ds002345",
    "modality": "bold",
    "subject_id": "093",
    "task_id": "prettymouth"
  },
  "dummy_trs": 0,
  "dvars_nstd": 23.476336672468353,
  "dvars_std": 1.202987833691983,
  "dvars_vstd": 0.9729950375949366,
  "efc": 0.5637684856276062,
  "fber": 2070.676025390625,
  "fd_mean": 0.14696735787006002,
  "fd_num": 77,
  "fd_perc": 16.210526315789473,
  "fwhm_avg": 1.715506576108635,
  "fwhm_x": 1.6674499999999999,
  "fwhm_y": 1.9085566666666667,
  "fwhm_z": 1.5705130616592389,
  "gcor": 0.0642153,
  "gsr_x": -0.009402116760611534,
  "gsr_y": 0.03787354752421379,
  "provenance": {
    "md5sum": "42e861ceae646a343904e315fa2ad6af",
    "settings": {
      "fd_thres": 0.2,
      "testing": false
    },
    "software": "mriqc",
    "version": "21.0.0rc2",
    "webapi_port": null,
    "webapi_url": "https://mriqc.nimh.nih.gov/api/v1"
  },
  "size_t": 475,
  "size_x": 64,
  "size_y": 64,
  "size_z": 27,
  "snr": 7.361427268939491,
  "spacing_tr": 1.5,
  "spacing_x": 3.0,
  "spacing_y": 3.0,
  "spacing_z": 3.9999985694885254,
  "summary_bg_k": 23.095250698495043,
  "summary_bg_mad": 9.32947031609742,
  "summary_bg_mean": 32.27063751220703,
  "summary_bg_median": 14.690526008605957,
  "summary_bg_n": 57969.0,
  "summary_bg_p05": 7.031578540802002,
  "summary_bg_p95": 112.77010192871091,
  "summary_bg_stdv": 51.77469253540039,
  "summary_fg_k": 2.7896765685301412,
  "summary_fg_mad": 86.14069104341932,
  "summary_fg_mean": 706.2850341796875,
  "summary_fg_median": 696.915771484375,
  "summary_fg_n": 25065.0,
  "summary_fg_p05": 577.800830078125,
  "summary_fg_p95": 863.5544921874999,
  "summary_fg_stdv": 94.66939544677734,
  "tsnr": 56.136508975876495
}