{
  "bids_meta": {
    "DeviceSerialNumber": "66018",
    "DwellTime": 9.8e-06,
    "EchoTime": 0.00267,
    "FlipAngle": 7,
    "InstitutionAddress": "Washington Rd, Building 25, Princeton, NJ 08540, USA",
    "InstitutionName": "Princeton University",
    "InstitutionalDepartmentName": "Princeton Neuroscience Institute",
    "InversionTime": 1.2,
    "MagneticFieldStrength": 3,
    "Manufacturer": "Siemens",
    "ManufacturersModelName": "Prisma",
    "ParallelReductionFactorInPlane": 2,
    "ParellelReductionType": "TODO",
    "PartialFourier": 1,
    "PixelBandwidth": 200,
    "PulseSequenceDetails": "%SiemensSeq%_tfl",
    "PulseSequenceType": "MPRAGE",
    "ReceiveCoilActiveElements": "HC1-7;NC1",
    "ReceiveCoilName": "HeadNeck_64",
    "RepetitionTime": 2.53,
    "ScanOptions": "IR",
    "ScanningSequence": "GR_IR",
    "SequenceName": "_tfl3d1_16",
    "SequenceVariant": "SK_SP_MP",
    "SoftwareVersions": "syngo_MR_D13D",
    "StationName": "AWP66018",
    "dataset": "ds002345",
    "modality": "T1w",
    "run_id": 2,
    "subject_id": "181"
  },
  "cjv": 0.363968092410688,
  "cnr": 3.6592135804577968,
  "efc": 0.5470092510655461,
  "fber": 9327.190511621315,
  "fwhm_avg": 4.126653333333333,
  "fwhm_x": 4.00326,
  "fwhm_y": 4.11529,
  "fwhm_z": 4.26141,
  "icvs_csf": 0.22707303063700038,
  "icvs_gm": 0.40775109943830884,
  "icvs_wm": 0.3651758699246908,
  "inu_med": 0.6556241512298584,
  "inu_range": 0.3725939571857453,
  "provenance": {
    "md5sum": "abe5cf9863b444f8a9434b4df437a035",
    "settings": {
      "testing": false
    },
    "software": "mriqc",
    "version": "22.0.6",
    "warnings": {
      "large_rot_frame": true,
      "small_air_mask": false
    },
    "webapi_port": null,
    "webapi_url": "https://mriqc.nimh.nih.gov/api/v1"
  },
  "qi_1": 8.324974662344973e-06,
  "qi_2": 0.001737811478342349,
  "rpve_csf": 21.66710833658276,
  "rpve_gm": 12.023914400922878,
  "rpve_wm": 15.797046106626663,
  "size_x": 176,
  "size_y": 256,
  "size_z": 256,
  "snr_csf": 2.1895885463714704,
  "snr_gm": 9.765831676479882,
  "snr_total": 10.90975221908311,
  "snr_wm": 20.773836434397978,
  "snrd_csf": 14.638145274752217,
  "snrd_gm": 49.651132425873506,
  "snrd_total": 45.63217736160002,
  "snrd_wm": 72.60725438417434,
  "spacing_x": 1.0,
  "spacing_y": 1.0,
  "spacing_z": 1.0,
  "summary_bg_k": 22.166430273391573,
  "summary_bg_mad": 9.02320902197919,
  "summary_bg_mean": 11.692210399626797,
  "summary_bg_median": 6.086061999201775,
  "summary_bg_n": 3956397.0,
  "summary_bg_p05": 0.0,
  "summary_bg_p95": 39.73084136098623,
  "summary_bg_stdv": 15.664092083488185,
  "summary_csf_k": 2.0237306834886164,
  "summary_csf_mad": 72.05858472481972,
  "summary_csf_mean": 216.3585510686321,
  "summary_csf_median": 201.6115186214447,
  "summary_csf_n": 52016.0,
  "summary_csf_p05": 93.0053136497736,
  "summary_csf_p95": 399.15137604624033,
  "summary_csf_stdv": 92.07646841697192,
  "summary_gm_k": -0.04518399689529495,
  "summary_gm_mad": 70.94656952844906,
  "summary_gm_mean": 685.1376521026793,
  "summary_gm_median": 683.846212875098,
  "summary_gm_n": 22630.0,
  "summary_gm_p05": 572.3662722904235,
  "summary_gm_p95": 800.9407599519938,
  "summary_gm_stdv": 70.0228230505654,
  "summary_wm_k": 0.9827445571974396,
  "summary_wm_mad": 44.131117364539065,
  "summary_wm_mean": 1001.7369889606276,
  "summary_wm_median": 1000.0214196927845,
  "summary_wm_n": 217948.0,
  "summary_wm_p05": 926.5386499911547,
  "summary_wm_p95": 1082.504703618586,
  "summary_wm_stdv": 48.13839411289221,
  "tpm_overlap_csf": 0.15818251387502985,
  "tpm_overlap_gm": 0.43554712634992326,
  "tpm_overlap_wm": 0.5013107922433846,
  "wm2max": 0.5174765463860365
}