{
  "aor": 0.0007602351313969571,
  "aqi": 0.03006842033195021,
  "bids_meta": {
    "CogAtlasID": "https://www.cognitiveatlas.org/task/id/trm_4c8991fadfe01",
    "DeviceSerialNumber": "45031",
    "DwellTime": 4.9e-06,
    "EchoTime": 0.028,
    "EffectiveEchoSpacing": 0.000355001,
    "FlipAngle": 64,
    "InstitutionAddress": "Washington Rd, Princeton, NJ 08540, USA",
    "InstitutionName": "Princeton University",
    "InstitutionalDepartmentName": "Princeton Neuroscience Institute",
    "MagneticFieldStrength": 3,
    "Manufacturer": "Siemens",
    "ManufacturersModelName": "Skyra",
    "NumberOfVolumesDiscardedByScanner": 3,
    "ParallelReductionFactorInPlane": 2,
    "ParallelReductionType": "GRAPPA",
    "PartialFourier": 1,
    "PhaseEncodingDirection": "j-",
    "PixelBandwidth": 1595,
    "PulseSequenceDetails": "%SiemensSeq%_ep2d_bold",
    "PulseSequenceType": "Gradient Echo EPI",
    "ReceiveCoilActiveElements": "HE1-4",
    "ReceiveCoilName": "HeadNeck_20",
    "RepetitionTime": 1.5,
    "ScanOptions": "FS",
    "ScanningSequence": "EP",
    "SequenceName": "_epfid2d1_64",
    "SequenceVariant": "SK",
    "SliceTiming": [
      0,
      0.7675,
      0.055,
      0.8225,
      0.1075,
      0.875,
      0.1625,
      0.93,
      0.2175,
      0.985,
      0.2725,
      1.04,
      0.3275,
      1.095,
      0.3825,
      1.15,
      0.4375,
      1.205,
      0.4925,
      1.26,
      0.5475,
      1.315,
      0.6025,
      1.37,
      0.6575,
      1.425,
      0.7125
    ],
    "SoftwareVersions": "syngo_MR_D13",
    "StationName": "AWP45031",
    "TaskDescription": "Passively listened to audio story 'sherlock'",
    "TaskName": "sherlock",
    "TotalReadoutTime": 0.022365,
    "dataset": "ds002345",
    "modality": "bold",
    "subject_id": "150",
    "task_id": "sherlock"
  },
  "dummy_trs": 2,
  "dvars_nstd": 22.896622113808842,
  "dvars_std": 1.0393697346952908,
  "dvars_vstd": 0.9325201630055397,
  "efc": 0.5813918965771504,
  "fber": 1625.194091796875,
  "fd_mean": 0.25293277035287703,
  "fd_num": 415,
  "fd_perc": 57.39972337482711,
  "fwhm_avg": 1.7185066666666664,
  "fwhm_x": 1.7113699999999998,
  "fwhm_y": 1.9502899999999999,
  "fwhm_z": 1.49386,
  "gcor": 0.0125885,
  "gsr_x": 0.01397752482444048,
  "gsr_y": 0.020619064569473267,
  "provenance": {
    "md5sum": "ee815e2777adb7e18b86246084dbf0a8",
    "settings": {
      "fd_thres": 0.2,
      "testing": false
    },
    "software": "mriqc",
    "version": "22.0.0rc1",
    "webapi_port": null,
    "webapi_url": "https://mriqc.nimh.nih.gov/api/v1"
  },
  "size_t": 723,
  "size_x": 64,
  "size_y": 64,
  "size_z": 27,
  "snr": 7.928121604629639,
  "spacing_tr": 1.5,
  "spacing_x": 3.0,
  "spacing_y": 3.0,
  "spacing_z": 4.0,
  "summary_bg_k": 25.92317445731819,
  "summary_bg_mad": 13.959633017647231,
  "summary_bg_mean": 44.97126007080078,
  "summary_bg_median": 17.58160400390625,
  "summary_bg_n": 57118.0,
  "summary_bg_p05": 6.781466484069824,
  "summary_bg_p95": 183.19931411743121,
  "summary_bg_stdv": 76.28939819335938,
  "summary_fg_k": 2.39265098430472,
  "summary_fg_mad": 87.3197416785523,
  "summary_fg_mean": 731.3458862304688,
  "summary_fg_median": 726.025634765625,
  "summary_fg_n": 25540.0,
  "summary_fg_p05": 604.4161834716797,
  "summary_fg_p95": 880.0015594482421,
  "summary_fg_stdv": 91.57420349121094,
  "tsnr": 43.332984817854594
}