{
  "aor": 0.0012466920731707318,
  "aqi": 0.01714314219512195,
  "bids_meta": {
    "CogAtlasID": "https://www.cognitiveatlas.org/task/id/trm_4c8991fadfe01",
    "DeviceSerialNumber": "45031",
    "DwellTime": 4.9e-06,
    "EchoTime": 0.028,
    "EffectiveEchoSpacing": 0.000355001,
    "FlipAngle": 64,
    "InstitutionAddress": "Washington Rd, Princeton, NJ 08540, USA",
    "InstitutionName": "Princeton University",
    "InstitutionalDepartmentName": "Princeton Neuroscience Institute",
    "MagneticFieldStrength": 3,
    "Manufacturer": "Siemens",
    "ManufacturersModelName": "Skyra",
    "NumberOfVolumesDiscardedByScanner": 3,
    "ParallelReductionFactorInPlane": 2,
    "ParallelReductionType": "GRAPPA",
    "PartialFourier": 1,
    "PhaseEncodingDirection": "j-",
    "PixelBandwidth": 1595,
    "PulseSequenceDetails": "%SiemensSeq%_ep2d_bold",
    "PulseSequenceType": "Gradient Echo EPI",
    "ReceiveCoilActiveElements": "HE1-4",
    "ReceiveCoilName": "HeadNeck_20",
    "RepetitionTime": 1.5,
    "ScanOptions": "FS",
    "ScanningSequence": "EP",
    "SequenceName": "_epfid2d1_64",
    "SequenceVariant": "SK",
    "SliceTiming": [
      0,
      0.7675,
      0.055,
      0.8225,
      0.1075,
      0.875,
      0.1625,
      0.93,
      0.2175,
      0.985,
      0.2725,
      1.04,
      0.3275,
      1.095,
      0.3825,
      1.15,
      0.4375,
      1.205,
      0.4925,
      1.26,
      0.5475,
      1.315,
      0.6025,
      1.37,
      0.6575,
      1.425,
      0.7125
    ],
    "SoftwareVersions": "syngo_MR_D13",
    "StationName": "AWP45031",
    "TaskDescription": "Passively listened to audio story 'merlin'",
    "TaskName": "merlin",
    "TotalReadoutTime": 0.022365,
    "dataset": "ds002345",
    "modality": "bold",
    "subject_id": "150",
    "task_id": "merlin"
  },
  "dummy_trs": 1,
  "dvars_nstd": 21.122602331542016,
  "dvars_std": 1.1034024047633588,
  "dvars_vstd": 0.979336751541985,
  "efc": 0.5789384464091977,
  "fber": 1746.713623046875,
  "fd_mean": 0.19764184602260618,
  "fd_num": 286,
  "fd_perc": 43.59756097560975,
  "fwhm_avg": 1.7078694444444444,
  "fwhm_x": 1.67699,
  "fwhm_y": 1.9286333333333332,
  "fwhm_z": 1.517985,
  "gcor": 0.00815287,
  "gsr_x": 0.01251756027340889,
  "gsr_y": 0.02055780403316021,
  "provenance": {
    "md5sum": "2812e81078804b663898123245cf2fea",
    "settings": {
      "fd_thres": 0.2,
      "testing": false
    },
    "software": "mriqc",
    "version": "22.0.0rc1",
    "webapi_port": null,
    "webapi_url": "https://mriqc.nimh.nih.gov/api/v1"
  },
  "size_t": 656,
  "size_x": 64,
  "size_y": 64,
  "size_z": 27,
  "snr": 7.925689175101581,
  "spacing_tr": 1.5,
  "spacing_x": 3.0,
  "spacing_y": 3.0,
  "spacing_z": 4.0,
  "summary_bg_k": 26.81702535536735,
  "summary_bg_mad": 12.84620380772622,
  "summary_bg_mean": 44.131858825683594,
  "summary_bg_median": 16.90853500366211,
  "summary_bg_n": 57229.0,
  "summary_bg_p05": 6.934451103210449,
  "summary_bg_p95": 181.38992919921873,
  "summary_bg_stdv": 76.18011474609375,
  "summary_fg_k": 2.4259218115068872,
  "summary_fg_mad": 87.41815048669591,
  "summary_fg_mean": 730.6605224609375,
  "summary_fg_median": 725.1988525390625,
  "summary_fg_n": 25434.0,
  "summary_fg_p05": 603.2493133544922,
  "summary_fg_p95": 880.293405151367,
  "summary_fg_stdv": 91.49798583984375,
  "tsnr": 55.2022814238444
}