{
  "aor": 0.0005277666666666667,
  "aqi": 0.004489431966666666,
  "bids_meta": {
    "CogAtlasID": "https://www.cognitiveatlas.org/task/id/trm_4c8991fadfe01",
    "DeviceSerialNumber": "45031",
    "DwellTime": 5.4e-06,
    "EchoTime": 0.028,
    "EffectiveEchoSpacing": 0.000390001,
    "FlipAngle": 64,
    "InstitutionAddress": "Washington Rd, Princeton, NJ 08540, USA",
    "InstitutionName": "Princeton University",
    "InstitutionalDepartmentName": "Princeton Neuroscience Institute",
    "MagneticFieldStrength": 3,
    "Manufacturer": "Siemens",
    "ManufacturersModelName": "Skyra",
    "NumberOfVolumesDiscardedByScanner": 3,
    "ParallelReductionFactorInPlane": 2,
    "ParallelReductionType": "GRAPPA",
    "PartialFourier": 1,
    "PhaseEncodingDirection": "j-",
    "PixelBandwidth": 1445,
    "PulseSequenceDetails": "%SiemensSeq%_ep2d_bold",
    "PulseSequenceType": "Gradient Echo EPI",
    "ReceiveCoilActiveElements": "HE1-4",
    "ReceiveCoilName": "HeadNeck_20",
    "RepetitionTime": 1.5,
    "ScanOptions": "FS",
    "ScanningSequence": "EP",
    "SequenceName": "_epfid2d1_64",
    "SequenceVariant": "SK",
    "SliceTiming": [
      0,
      0.7775,
      0.055,
      0.8325,
      0.11,
      0.89,
      0.1675,
      0.945,
      0.2225,
      1,
      0.2775,
      1.055,
      0.3325,
      1.11,
      0.39,
      1.1675,
      0.445,
      1.2225,
      0.5,
      1.2775,
      0.555,
      1.3325,
      0.61,
      1.3875,
      0.6675,
      1.445,
      0.7225
    ],
    "SoftwareVersions": "syngo_MR_D11",
    "StationName": "AWP45031",
    "TaskDescription": "Passively listened to audio story 'pieman'",
    "TaskName": "pieman",
    "TotalReadoutTime": 0.0245701,
    "dataset": "ds002345",
    "modality": "bold",
    "subject_id": "055",
    "task_id": "pieman"
  },
  "dummy_trs": 0,
  "dvars_nstd": 18.750085859163875,
  "dvars_std": 1.1453610612374567,
  "dvars_vstd": 0.9946588230100333,
  "efc": 0.5996580012260034,
  "fber": 2216.70068359375,
  "fd_mean": 0.10844637836934941,
  "fd_num": 5,
  "fd_perc": 1.6666666666666667,
  "fwhm_avg": 1.6836568532316558,
  "fwhm_x": 1.6364766666666668,
  "fwhm_y": 1.8494733333333333,
  "fwhm_z": 1.5650205596949673,
  "gcor": 0.0445447,
  "gsr_x": -0.006990483961999416,
  "gsr_y": 0.038985781371593475,
  "provenance": {
    "md5sum": "4267376c3125be6d28124cf82facac45",
    "settings": {
      "fd_thres": 0.2,
      "testing": false
    },
    "software": "mriqc",
    "version": "21.0.0rc2",
    "webapi_port": null,
    "webapi_url": "https://mriqc.nimh.nih.gov/api/v1"
  },
  "size_t": 300,
  "size_x": 64,
  "size_y": 64,
  "size_z": 27,
  "snr": 6.706116972450275,
  "spacing_tr": 1.5,
  "spacing_x": 3.0,
  "spacing_y": 3.0,
  "spacing_z": 3.9999985694885254,
  "summary_bg_k": 27.94519278003356,
  "summary_bg_mad": 7.32899740041472,
  "summary_bg_mean": 34.02589416503906,
  "summary_bg_median": 13.520000457763672,
  "summary_bg_n": 52975.0,
  "summary_bg_p05": 7.1123336315155035,
  "summary_bg_p95": 119.54000625610337,
  "summary_bg_stdv": 66.06120300292969,
  "summary_fg_k": 2.541726662843411,
  "summary_fg_mad": 87.92082720323634,
  "summary_fg_mean": 669.9969482421875,
  "summary_fg_median": 659.0616455078125,
  "summary_fg_n": 29734.0,
  "summary_fg_p05": 541.2120178222656,
  "summary_fg_p95": 835.3591644287109,
  "summary_fg_stdv": 98.27603149414062,
  "tsnr": 83.9419220678974
}