{
  "aor": 0.000862809364548495,
  "aqi": 0.0083245472909699,
  "bids_meta": {
    "CogAtlasID": "https://www.cognitiveatlas.org/task/id/trm_4c8991fadfe01",
    "DeviceSerialNumber": "45031",
    "DwellTime": 5.4e-06,
    "EchoTime": 0.028,
    "EffectiveEchoSpacing": 0.000390001,
    "FlipAngle": 64,
    "InstitutionAddress": "Washington Rd, Princeton, NJ 08540, USA",
    "InstitutionName": "Princeton University",
    "InstitutionalDepartmentName": "Princeton Neuroscience Institute",
    "MagneticFieldStrength": 3,
    "Manufacturer": "Siemens",
    "ManufacturersModelName": "Skyra",
    "NumberOfVolumesDiscardedByScanner": 3,
    "ParallelReductionFactorInPlane": 2,
    "ParallelReductionType": "GRAPPA",
    "PartialFourier": 1,
    "PhaseEncodingDirection": "j-",
    "PixelBandwidth": 1445,
    "PulseSequenceDetails": "%SiemensSeq%_ep2d_bold",
    "PulseSequenceType": "Gradient Echo EPI",
    "ReceiveCoilActiveElements": "HE1-4",
    "ReceiveCoilName": "HeadNeck_20",
    "RepetitionTime": 1.5,
    "ScanOptions": "FS",
    "ScanningSequence": "EP",
    "SequenceName": "_epfid2d1_64",
    "SequenceVariant": "SK",
    "SliceTiming": [
      0,
      0.7775,
      0.055,
      0.8325,
      0.11,
      0.89,
      0.1675,
      0.945,
      0.2225,
      1,
      0.2775,
      1.055,
      0.3325,
      1.11,
      0.39,
      1.1675,
      0.445,
      1.2225,
      0.5,
      1.2775,
      0.555,
      1.3325,
      0.61,
      1.3875,
      0.6675,
      1.445,
      0.7225
    ],
    "SoftwareVersions": "syngo_MR_D11",
    "StationName": "AWP45031",
    "TaskDescription": "Passively listened to audio story 'pieman'",
    "TaskName": "pieman",
    "TotalReadoutTime": 0.0245701,
    "dataset": "ds002345",
    "modality": "bold",
    "subject_id": "078",
    "task_id": "pieman"
  },
  "dummy_trs": 1,
  "dvars_nstd": 22.54364099432886,
  "dvars_std": 1.174192365973154,
  "dvars_vstd": 1.0122399328859057,
  "efc": 0.5705154735894762,
  "fber": 1847.3251953125,
  "fd_mean": 0.19248857923326845,
  "fd_num": 151,
  "fd_perc": 50.50167224080268,
  "fwhm_avg": 1.7617122222222221,
  "fwhm_x": 1.69163,
  "fwhm_y": 1.9892866666666666,
  "fwhm_z": 1.60422,
  "gcor": 0.0139895,
  "gsr_x": -0.015815922990441322,
  "gsr_y": 0.030168069526553154,
  "provenance": {
    "md5sum": "9fabcc2ff071190fa30ffd284223ccb2",
    "settings": {
      "fd_thres": 0.2,
      "testing": false
    },
    "software": "mriqc",
    "version": "21.0.0rc2",
    "webapi_port": null,
    "webapi_url": "https://mriqc.nimh.nih.gov/api/v1"
  },
  "size_t": 299,
  "size_x": 64,
  "size_y": 64,
  "size_z": 27,
  "snr": 7.612919610364307,
  "spacing_tr": 1.5,
  "spacing_x": 3.0,
  "spacing_y": 3.0,
  "spacing_z": 4.0,
  "summary_bg_k": 35.81110684014961,
  "summary_bg_mad": 9.08899580951357,
  "summary_bg_mean": 33.29117965698242,
  "summary_bg_median": 14.043478012084961,
  "summary_bg_n": 57933.0,
  "summary_bg_p05": 5.82608699798584,
  "summary_bg_p95": 115.78729248046864,
  "summary_bg_stdv": 62.792537689208984,
  "summary_fg_k": 3.3022895381447466,
  "summary_fg_mad": 74.40285037148224,
  "summary_fg_mean": 626.1660766601562,
  "summary_fg_median": 621.4080200195312,
  "summary_fg_n": 25291.0,
  "summary_fg_p05": 512.9649047851562,
  "summary_fg_p95": 760.6906127929688,
  "summary_fg_stdv": 81.62384033203125,
  "tsnr": 72.67709664884023
}