{
  "aor": 0.0013213,
  "aqi": 0.0082580795,
  "bids_meta": {
    "CogAtlasID": "https://www.cognitiveatlas.org/task/id/trm_4c8991fadfe01",
    "DeviceSerialNumber": "45031",
    "DwellTime": 5.4e-06,
    "EchoTime": 0.028,
    "EffectiveEchoSpacing": 0.000390001,
    "FlipAngle": 64,
    "InstitutionAddress": "Washington Rd, Princeton, NJ 08540, USA",
    "InstitutionName": "Princeton University",
    "InstitutionalDepartmentName": "Princeton Neuroscience Institute",
    "MagneticFieldStrength": 3,
    "Manufacturer": "Siemens",
    "ManufacturersModelName": "Skyra",
    "NumberOfVolumesDiscardedByScanner": 3,
    "ParallelReductionFactorInPlane": 2,
    "ParallelReductionType": "GRAPPA",
    "PartialFourier": 1,
    "PhaseEncodingDirection": "j-",
    "PixelBandwidth": 1445,
    "PulseSequenceDetails": "%SiemensSeq%_ep2d_bold",
    "PulseSequenceType": "Gradient Echo EPI",
    "ReceiveCoilActiveElements": "HE1-4",
    "ReceiveCoilName": "HeadNeck_20",
    "RepetitionTime": 1.5,
    "ScanOptions": "FS",
    "ScanningSequence": "EP",
    "SequenceName": "_epfid2d1_64",
    "SequenceVariant": "SK",
    "SliceTiming": [
      0,
      0.7775,
      0.055,
      0.8325,
      0.11,
      0.89,
      0.1675,
      0.945,
      0.2225,
      1,
      0.2775,
      1.055,
      0.3325,
      1.11,
      0.39,
      1.1675,
      0.445,
      1.2225,
      0.5,
      1.2775,
      0.555,
      1.3325,
      0.61,
      1.3875,
      0.6675,
      1.445,
      0.7225
    ],
    "SoftwareVersions": "syngo_MR_D11",
    "StationName": "AWP45031",
    "TaskDescription": "Passively listened to audio story 'pieman'",
    "TaskName": "pieman",
    "TotalReadoutTime": 0.0245701,
    "dataset": "ds002345",
    "modality": "bold",
    "subject_id": "062",
    "task_id": "pieman"
  },
  "dummy_trs": 0,
  "dvars_nstd": 22.438475918160528,
  "dvars_std": 1.1635016784949832,
  "dvars_vstd": 0.9800903398996653,
  "efc": 0.6020230786397873,
  "fber": 1758.509033203125,
  "fd_mean": 0.1513573496666237,
  "fd_num": 40,
  "fd_perc": 13.333333333333334,
  "fwhm_avg": 1.7531059834423635,
  "fwhm_x": 1.68858,
  "fwhm_y": 1.9642933333333332,
  "fwhm_z": 1.606444616993757,
  "gcor": 0.0269122,
  "gsr_x": -0.004402139689773321,
  "gsr_y": 0.03909094259142876,
  "provenance": {
    "md5sum": "889b44f6e1ded6c4a090f89a004de474",
    "settings": {
      "fd_thres": 0.2,
      "testing": false
    },
    "software": "mriqc",
    "version": "21.0.0rc2",
    "webapi_port": null,
    "webapi_url": "https://mriqc.nimh.nih.gov/api/v1"
  },
  "size_t": 300,
  "size_x": 64,
  "size_y": 64,
  "size_z": 27,
  "snr": 7.465646205555322,
  "spacing_tr": 1.5,
  "spacing_x": 3.0,
  "spacing_y": 3.0,
  "spacing_z": 4.000000953674316,
  "summary_bg_k": 20.74551994119094,
  "summary_bg_mad": 11.776804055931526,
  "summary_bg_mean": 41.26588439941406,
  "summary_bg_median": 15.946666717529297,
  "summary_bg_n": 53463.0,
  "summary_bg_p05": 6.78000020980835,
  "summary_bg_p95": 150.52333068847656,
  "summary_bg_stdv": 67.85590362548828,
  "summary_fg_k": 1.8648702818365512,
  "summary_fg_mad": 89.09449363231458,
  "summary_fg_mean": 708.4525756835938,
  "summary_fg_median": 702.8099975585938,
  "summary_fg_n": 28319.0,
  "summary_fg_p05": 571.9733276367188,
  "summary_fg_p95": 863.4227111816406,
  "summary_fg_stdv": 94.13754272460938,
  "tsnr": 68.02887262415607
}