{
  "aor": 0.00045398076923076924,
  "aqi": 0.007636049153846154,
  "bids_meta": {
    "CogAtlasID": "https://www.cognitiveatlas.org/task/id/trm_4c8991fadfe01",
    "DeviceSerialNumber": "45031",
    "DwellTime": 5.4e-06,
    "EchoTime": 0.028,
    "EffectiveEchoSpacing": 0.000390001,
    "FlipAngle": 64,
    "InstitutionAddress": "Washington Rd, Princeton, NJ 08540, USA",
    "InstitutionName": "Princeton University",
    "InstitutionalDepartmentName": "Princeton Neuroscience Institute",
    "MagneticFieldStrength": 3,
    "Manufacturer": "Siemens",
    "ManufacturersModelName": "Skyra",
    "NumberOfVolumesDiscardedByScanner": 3,
    "ParallelReductionFactorInPlane": 2,
    "ParallelReductionType": "GRAPPA",
    "PartialFourier": 1,
    "PhaseEncodingDirection": "j-",
    "PixelBandwidth": 1445,
    "PulseSequenceDetails": "%SiemensSeq%_ep2d_bold",
    "PulseSequenceType": "Gradient Echo EPI",
    "ReceiveCoilActiveElements": "HE1-4",
    "ReceiveCoilName": "HeadNeck_20",
    "RepetitionTime": 1.5,
    "ScanOptions": "FS",
    "ScanningSequence": "EP",
    "SequenceName": "_epfid2d1_64",
    "SequenceVariant": "SK",
    "SliceTiming": [
      0,
      0.7775,
      0.055,
      0.8325,
      0.1125,
      0.89,
      0.1675,
      0.945,
      0.2225,
      1,
      0.2775,
      1.055,
      0.3325,
      1.11,
      0.39,
      1.1675,
      0.445,
      1.2225,
      0.5,
      1.2775,
      0.555,
      1.3325,
      0.6125,
      1.39,
      0.6675,
      1.445,
      0.7225
    ],
    "SoftwareVersions": "syngo_MR_D11",
    "StationName": "AWP45031",
    "TaskDescription": "Passively listened to audio story 'tunnel'",
    "TaskName": "tunnel",
    "TotalReadoutTime": 0.0245701,
    "dataset": "ds002345",
    "modality": "bold",
    "subject_id": "062",
    "task_id": "tunnel"
  },
  "dummy_trs": 0,
  "dvars_nstd": 21.016308275139565,
  "dvars_std": 1.1401870977093365,
  "dvars_vstd": 0.993865761915304,
  "efc": 0.6009574220662702,
  "fber": 1603.2392578125,
  "fd_mean": 0.09787678485831293,
  "fd_num": 26,
  "fd_perc": 2.5,
  "fwhm_avg": 1.7498293903976123,
  "fwhm_x": 1.6872966666666667,
  "fwhm_y": 1.9535133333333334,
  "fwhm_z": 1.6086781711928366,
  "gcor": 0.0586865,
  "gsr_x": -0.008659066632390022,
  "gsr_y": 0.037142135202884674,
  "provenance": {
    "md5sum": "ad94085418d6fc3074efabe4cb86b05c",
    "settings": {
      "fd_thres": 0.2,
      "testing": false
    },
    "software": "mriqc",
    "version": "21.0.0rc2",
    "webapi_port": null,
    "webapi_url": "https://mriqc.nimh.nih.gov/api/v1"
  },
  "size_t": 1040,
  "size_x": 64,
  "size_y": 64,
  "size_z": 27,
  "snr": 7.363440663251067,
  "spacing_tr": 1.5,
  "spacing_x": 3.0,
  "spacing_y": 3.0,
  "spacing_z": 3.9999983310699463,
  "summary_bg_k": 20.026611144437855,
  "summary_bg_mad": 10.383918574476674,
  "summary_bg_mean": 35.6662483215332,
  "summary_bg_median": 14.529808044433594,
  "summary_bg_n": 53497.0,
  "summary_bg_p05": 6.388461589813232,
  "summary_bg_p95": 130.41269836425778,
  "summary_bg_stdv": 56.1834602355957,
  "summary_fg_k": 1.6465628719290164,
  "summary_fg_mad": 79.92080191445311,
  "summary_fg_mean": 625.0556030273438,
  "summary_fg_median": 618.4625244140625,
  "summary_fg_n": 28166.0,
  "summary_fg_p05": 504.58870697021484,
  "summary_fg_p95": 765.8526306152344,
  "summary_fg_stdv": 83.9894790649414,
  "tsnr": 66.40055324882269
}