{
  "aor": 0.0017117999999999997,
  "aqi": 0.006528107325,
  "bids_meta": {
    "CogAtlasID": "https://www.cognitiveatlas.org/task/id/trm_4c8991fadfe01",
    "DeviceSerialNumber": "45031",
    "DwellTime": 5.4e-06,
    "EchoTime": 0.028,
    "EffectiveEchoSpacing": 0.000390001,
    "FlipAngle": 64,
    "InstitutionAddress": "Washington Rd, Princeton, NJ 08540, USA",
    "InstitutionName": "Princeton University",
    "InstitutionalDepartmentName": "Princeton Neuroscience Institute",
    "MagneticFieldStrength": 3,
    "Manufacturer": "Siemens",
    "ManufacturersModelName": "Skyra",
    "NumberOfVolumesDiscardedByScanner": 3,
    "ParallelReductionFactorInPlane": 2,
    "ParallelReductionType": "GRAPPA",
    "PartialFourier": 1,
    "PhaseEncodingDirection": "j-",
    "PixelBandwidth": 1445,
    "PulseSequenceDetails": "%SiemensSeq%_ep2d_bold",
    "PulseSequenceType": "Gradient Echo EPI",
    "ReceiveCoilActiveElements": "HE1-4",
    "ReceiveCoilName": "HeadNeck_20",
    "RepetitionTime": 1.5,
    "ScanOptions": "FS",
    "ScanningSequence": "EP",
    "SequenceName": "_epfid2d1_64",
    "SequenceVariant": "SK",
    "SliceTiming": [
      0,
      0.7775,
      0.055,
      0.8325,
      0.11,
      0.8875,
      0.165,
      0.9425,
      0.2225,
      1,
      0.2775,
      1.055,
      0.3325,
      1.11,
      0.3875,
      1.165,
      0.445,
      1.2225,
      0.5,
      1.2775,
      0.555,
      1.3325,
      0.61,
      1.3875,
      0.665,
      1.4425,
      0.7225
    ],
    "SoftwareVersions": "syngo_MR_D11",
    "StationName": "AWP45031",
    "TaskDescription": "Passively listened to audio story 'notthefall'",
    "TaskName": "notthefall",
    "TotalReadoutTime": 0.0245701,
    "dataset": "ds002345",
    "modality": "bold",
    "subject_id": "134",
    "task_id": "notthefall"
  },
  "dummy_trs": 0,
  "dvars_nstd": 22.69814022315789,
  "dvars_std": 1.2445610978947363,
  "dvars_vstd": 0.9986876830075196,
  "efc": 0.5952731196339647,
  "fber": 1796.0999755859375,
  "fd_mean": 0.11588538907960501,
  "fd_num": 10,
  "fd_perc": 2.5,
  "fwhm_avg": 1.7399083333333334,
  "fwhm_x": 1.70013,
  "fwhm_y": 1.96473,
  "fwhm_z": 1.554865,
  "gcor": 0.0165872,
  "gsr_x": -0.005892724730074406,
  "gsr_y": 0.052854519337415695,
  "provenance": {
    "md5sum": "c15422604ab3bbc94d13893e217c5624",
    "settings": {
      "fd_thres": 0.2,
      "testing": false
    },
    "software": "mriqc",
    "version": "22.0.0rc1",
    "webapi_port": null,
    "webapi_url": "https://mriqc.nimh.nih.gov/api/v1"
  },
  "size_t": 400,
  "size_x": 64,
  "size_y": 64,
  "size_z": 27,
  "snr": 7.081959404981616,
  "spacing_tr": 1.5,
  "spacing_x": 3.0,
  "spacing_y": 3.0,
  "spacing_z": 4.0,
  "summary_bg_k": 20.529007671432357,
  "summary_bg_mad": 11.054652367556496,
  "summary_bg_mean": 45.378196716308594,
  "summary_bg_median": 15.809999465942383,
  "summary_bg_n": 55754.0,
  "summary_bg_p05": 7.019999980926514,
  "summary_bg_p95": 183.7058723449707,
  "summary_bg_stdv": 72.69190216064453,
  "summary_fg_k": 2.9220762209963027,
  "summary_fg_mad": 90.02727339722887,
  "summary_fg_mean": 707.8847045898438,
  "summary_fg_median": 699.0224609375,
  "summary_fg_n": 26907.0,
  "summary_fg_p05": 577.0389770507812,
  "summary_fg_p95": 871.178967285156,
  "summary_fg_stdv": 98.70283508300781,
  "tsnr": 75.06669973023236
}