{
  "aor": 0.0024845719489981787,
  "aqi": 0.02163656120218579,
  "bids_meta": {
    "AcquisitionMatrixPE": 96,
    "BandwidthPerPixelPhaseEncode": 20.425,
    "BaseResolution": 96,
    "BodyPartExamined": "BRAIN",
    "ConsistencyInfo": "N4_VE11C_LATEST_20160120",
    "ConversionSoftware": "dcm2niix",
    "ConversionSoftwareVersion": "v1.0.20180328 GCC6.3.0",
    "DerivedVendorReportedEchoSpacing": 0.000509996,
    "DeviceSerialNumber": "66018",
    "DwellTime": 2.1e-06,
    "EchoTime": 0.031,
    "EchoTrainLength": 96,
    "EffectiveEchoSpacing": 0.000509996,
    "FlipAngle": 67,
    "ImageOrientationPatientDICOM": [
      1,
      0,
      0,
      0,
      1,
      0
    ],
    "ImageType": [
      "ORIGINAL",
      "PRIMARY",
      "M",
      "ND",
      "NORM",
      "MOSAIC"
    ],
    "InPlanePhaseEncodingDirectionDICOM": "COL",
    "InstitutionAddress": "Washington Rd, Princeton, NJ 08540, USA",
    "InstitutionName": "Princeton University",
    "InstitutionalDepartmentName": "Princeton Neuroscience Institute",
    "MRAcquisitionType": "2D",
    "MagneticFieldStrength": 3,
    "Manufacturer": "Siemens",
    "ManufacturersModelName": "Prisma",
    "Modality": "MR",
    "MultibandAccelerationFactor": 3,
    "NumberOfVolumesDiscardedByScanner": 3,
    "PartialFourier": 1,
    "PatientPosition": "HFS",
    "PercentPhaseFOV": 100,
    "PhaseEncodingDirection": "j-",
    "PhaseEncodingSteps": 96,
    "PhaseResolution": 1,
    "PixelBandwidth": 2480,
    "ProcedureStepDescription": "Hasson_Nastase_042518_Storyteller",
    "ProtocolName": "func_task-black",
    "PulseSequenceDetails": "%SiemensSeq%_ep2d_bold",
    "ReceiveCoilActiveElements": "HC1-7;NC1",
    "ReceiveCoilName": "HeadNeck_64",
    "ReconMatrixPE": 96,
    "RepetitionTime": 1.5,
    "SAR": 0.035877,
    "ScanOptions": "FS",
    "ScanningSequence": "EP",
    "SequenceName": "_epfid2d1_96",
    "SequenceVariant": "SK",
    "SeriesDescription": "func_task-black",
    "SeriesNumber": 9,
    "ShimSetting": [
      751,
      573,
      2022,
      446,
      -56,
      225,
      119,
      49
    ],
    "SliceThickness": 2.5,
    "SliceTiming": [
      1.11,
      0,
      0.74,
      0.0925,
      0.8325,
      0.185,
      0.925,
      0.2775,
      1.0175,
      0.4625,
      1.2025,
      0.555,
      1.295,
      0.6475,
      1.3875,
      0.37,
      1.11,
      0,
      0.74,
      0.0925,
      0.8325,
      0.185,
      0.925,
      0.2775,
      1.0175,
      0.4625,
      1.2025,
      0.555,
      1.295,
      0.6475,
      1.3875,
      0.37,
      1.11,
      0,
      0.74,
      0.0925,
      0.8325,
      0.185,
      0.925,
      0.2775,
      1.0175,
      0.4625,
      1.2025,
      0.555,
      1.295,
      0.6475,
      1.3875,
      0.37
    ],
    "SoftwareVersions": "syngo_MR_E11",
    "SpacingBetweenSlices": 2.5,
    "StationName": "AWP66018",
    "TaskDescription": "Passively listened to audio story 'black'",
    "TaskName": "black",
    "TotalReadoutTime": 0.0484496,
    "TxRefAmp": 228.505,
    "dataset": "ds002345",
    "modality": "bold",
    "subject_id": "281",
    "task_id": "black"
  },
  "dummy_trs": 1,
  "dvars_nstd": 34.64106070049268,
  "dvars_std": 1.2084260841788315,
  "dvars_vstd": 0.9728997635218967,
  "efc": 0.46867925602984806,
  "fber": 5098.19873046875,
  "fd_mean": 0.27389522920925363,
  "fd_num": 237,
  "fd_perc": 43.169398907103826,
  "fwhm_avg": 1.9828013333333334,
  "fwhm_x": 1.8780560000000002,
  "fwhm_y": 2.1659759999999997,
  "fwhm_z": 1.904372,
  "gcor": 0.0180991,
  "gsr_x": -0.012916706502437592,
  "gsr_y": 0.03324414789676666,
  "provenance": {
    "md5sum": "5ad506cab29c9d2679cdfe3e594c5956",
    "settings": {
      "fd_thres": 0.2,
      "testing": false
    },
    "software": "mriqc",
    "version": "22.0.0rc1",
    "webapi_port": null,
    "webapi_url": "https://mriqc.nimh.nih.gov/api/v1"
  },
  "size_t": 549,
  "size_x": 96,
  "size_y": 96,
  "size_z": 48,
  "snr": 6.379230216662466,
  "spacing_tr": 1.5,
  "spacing_x": 2.5,
  "spacing_y": 2.5,
  "spacing_z": 2.5,
  "summary_bg_k": 28.559924695500538,
  "summary_bg_mad": 6.7729812717648885,
  "summary_bg_mean": 35.14579772949219,
  "summary_bg_median": 11.096539497375488,
  "summary_bg_n": 310212.0,
  "summary_bg_p05": 4.770491600036621,
  "summary_bg_p95": 169.4186698913577,
  "summary_bg_stdv": 73.67554473876953,
  "summary_fg_k": 2.974365911724174,
  "summary_fg_mad": 110.51458464442767,
  "summary_fg_mean": 792.4398193359375,
  "summary_fg_median": 790.327880859375,
  "summary_fg_n": 70099.0,
  "summary_fg_p05": 612.2435302734375,
  "summary_fg_p95": 985.4883422851562,
  "summary_fg_stdv": 123.88990783691406,
  "tsnr": 42.441525012487546
}