{
  "aor": 0.0038383000000000002,
  "aqi": 0.007328253266666668,
  "bids_meta": {
    "CogAtlasID": "https://www.cognitiveatlas.org/task/id/trm_4c8991fadfe01",
    "DeviceSerialNumber": "45031",
    "DwellTime": 5.4e-06,
    "EchoTime": 0.028,
    "EffectiveEchoSpacing": 0.000390001,
    "FlipAngle": 64,
    "InstitutionAddress": "Washington Rd, Princeton, NJ 08540, USA",
    "InstitutionName": "Princeton University",
    "InstitutionalDepartmentName": "Princeton Neuroscience Institute",
    "MagneticFieldStrength": 3,
    "Manufacturer": "Siemens",
    "ManufacturersModelName": "Skyra",
    "NumberOfVolumesDiscardedByScanner": 3,
    "ParallelReductionFactorInPlane": 2,
    "ParallelReductionType": "GRAPPA",
    "PartialFourier": 1,
    "PhaseEncodingDirection": "j-",
    "PixelBandwidth": 1445,
    "PulseSequenceDetails": "%SiemensSeq%_ep2d_bold",
    "PulseSequenceType": "Gradient Echo EPI",
    "ReceiveCoilActiveElements": "HE1-4",
    "ReceiveCoilName": "HeadNeck_20",
    "RepetitionTime": 1.5,
    "ScanOptions": "FS",
    "ScanningSequence": "EP",
    "SequenceName": "_epfid2d1_64",
    "SequenceVariant": "SK",
    "SliceTiming": [
      0,
      0.7775,
      0.055,
      0.8325,
      0.11,
      0.89,
      0.1675,
      0.945,
      0.2225,
      1,
      0.2775,
      1.055,
      0.3325,
      1.11,
      0.39,
      1.1675,
      0.445,
      1.2225,
      0.5,
      1.2775,
      0.555,
      1.3325,
      0.61,
      1.3875,
      0.6675,
      1.445,
      0.7225
    ],
    "SoftwareVersions": "syngo_MR_D11",
    "StationName": "AWP45031",
    "TaskDescription": "Passively listened to audio story 'pieman'",
    "TaskName": "pieman",
    "TotalReadoutTime": 0.0245701,
    "dataset": "ds002345",
    "modality": "bold",
    "subject_id": "048",
    "task_id": "pieman"
  },
  "dummy_trs": 0,
  "dvars_nstd": 20.65197583585284,
  "dvars_std": 1.1617659474916393,
  "dvars_vstd": 0.9719639116387958,
  "efc": 0.5968921489471051,
  "fber": 1904.560546875,
  "fd_mean": 0.12866231192209415,
  "fd_num": 15,
  "fd_perc": 5.0,
  "fwhm_avg": 1.778146111111111,
  "fwhm_x": 1.77931,
  "fwhm_y": 1.9319733333333333,
  "fwhm_z": 1.623155,
  "gcor": 0.0472769,
  "gsr_x": 0.002301411936059594,
  "gsr_y": 0.019121835008263588,
  "provenance": {
    "md5sum": "c58864dc0758c1338685907b39e8a1e1",
    "settings": {
      "fd_thres": 0.2,
      "testing": false
    },
    "software": "mriqc",
    "version": "21.0.0rc2",
    "webapi_port": null,
    "webapi_url": "https://mriqc.nimh.nih.gov/api/v1"
  },
  "size_t": 300,
  "size_x": 64,
  "size_y": 64,
  "size_z": 27,
  "snr": 6.962684936460015,
  "spacing_tr": 1.5,
  "spacing_x": 3.0,
  "spacing_y": 3.0,
  "spacing_z": 4.0,
  "summary_bg_k": 19.927695813423615,
  "summary_bg_mad": 11.3937986713402,
  "summary_bg_mean": 42.076751708984375,
  "summary_bg_median": 16.079999923706055,
  "summary_bg_n": 54200.0,
  "summary_bg_p05": 6.243333339691162,
  "summary_bg_p95": 167.82700881958004,
  "summary_bg_stdv": 75.46188354492188,
  "summary_fg_k": 2.3623002600938108,
  "summary_fg_mad": 98.23226047952501,
  "summary_fg_mean": 739.5166625976562,
  "summary_fg_median": 731.5633544921875,
  "summary_fg_n": 28221.0,
  "summary_fg_p05": 594.4967041015625,
  "summary_fg_p95": 915.1766967773438,
  "summary_fg_stdv": 105.0672836303711,
  "tsnr": 70.44423038582318
}