{
  "aor": 0.0011229479768786127,
  "aqi": 0.005104280134874759,
  "bids_meta": {
    "CogAtlasID": "https://www.cognitiveatlas.org/task/id/trm_4c8991fadfe01",
    "DeviceSerialNumber": "66018",
    "DwellTime": 4.2e-06,
    "EchoTime": 0.039,
    "EffectiveEchoSpacing": 0.000929976,
    "FlipAngle": 50,
    "InstitutionAddress": "Washington Rd, Princeton, NJ 08540, USA",
    "InstitutionName": "Princeton University",
    "InstitutionalDepartmentName": "Princeton Neuroscience Institute",
    "MagneticFieldStrength": 3,
    "Manufacturer": "Siemens",
    "ManufacturersModelName": "Prisma",
    "NumberOfVolumesDiscardedByScanner": 3,
    "ParallelReductionType": "GRAPPA",
    "PartialFourier": 0.75,
    "PhaseEncodingDirection": "j-",
    "PixelBandwidth": 1240,
    "PulseSequenceDetails": "%CustomerSeq%_ep2d_bold_sms_mgh_v22",
    "PulseSequenceType": "Gradient Echo EPI",
    "ReceiveCoilActiveElements": "HC1-7;NC1,2",
    "ReceiveCoilName": "HeadNeck_64",
    "RepetitionTime": 1.5,
    "ScanOptions": "PFP_FS",
    "ScanningSequence": "EP",
    "SequenceName": "epfSM2d1_96",
    "SequenceVariant": "SK",
    "SliceTiming": [
      0.6925,
      0,
      0.79,
      0.1,
      0.8875,
      0.1975,
      0.9875,
      0.2975,
      1.085,
      0.395,
      1.185,
      0.495,
      1.2825,
      0.5925,
      1.3825,
      0.6925,
      0,
      0.79,
      0.1,
      0.8875,
      0.1975,
      0.9875,
      0.2975,
      1.085,
      0.395,
      1.185,
      0.495,
      1.2825,
      0.5925,
      1.3825,
      0.6925,
      0,
      0.79,
      0.1,
      0.8875,
      0.1975,
      0.9875,
      0.2975,
      1.085,
      0.395,
      1.185,
      0.495,
      1.2825,
      0.5925,
      1.3825,
      0.6925,
      0,
      0.79,
      0.1,
      0.8875,
      0.1975,
      0.9875,
      0.2975,
      1.085,
      0.395,
      1.185,
      0.495,
      1.2825,
      0.5925,
      1.3825
    ],
    "SoftwareVersions": "syngo_MR_D13D",
    "StationName": "AWP66018",
    "TaskDescription": "Passively listened to audio story 'schema'",
    "TaskName": "schema",
    "TotalReadoutTime": 0.0883478,
    "dataset": "ds002345",
    "modality": "bold",
    "run_id": 2,
    "subject_id": "189",
    "task_id": "schema"
  },
  "dummy_trs": 1,
  "dvars_nstd": 36.71853200633202,
  "dvars_std": 1.1627212874710435,
  "dvars_vstd": 1.0096031794980693,
  "efc": 0.605144235856192,
  "fber": 224.55270385742188,
  "fd_mean": 0.09304605389765427,
  "fd_num": 24,
  "fd_perc": 4.624277456647399,
  "fwhm_avg": 3.0023416666666667,
  "fwhm_x": 2.874105,
  "fwhm_y": 3.17004,
  "fwhm_z": 2.96288,
  "gcor": 0.0151934,
  "gsr_x": 0.011497660540044308,
  "gsr_y": 0.06537904590368271,
  "provenance": {
    "md5sum": "e67687d18c35f6612e115bb48b81c179",
    "settings": {
      "fd_thres": 0.2,
      "testing": false
    },
    "software": "mriqc",
    "version": "22.0.0rc1",
    "webapi_port": null,
    "webapi_url": "https://mriqc.nimh.nih.gov/api/v1"
  },
  "size_t": 519,
  "size_x": 96,
  "size_y": 96,
  "size_z": 60,
  "snr": 1.806598591729982,
  "spacing_tr": 1.5,
  "spacing_x": 2.0,
  "spacing_y": 2.0,
  "spacing_z": 2.0,
  "summary_bg_k": 24.555098773430306,
  "summary_bg_mad": 13.954745097392168,
  "summary_bg_mean": 62.868404388427734,
  "summary_bg_median": 31.801542282104492,
  "summary_bg_n": 292946.0,
  "summary_bg_p05": 20.294797897338867,
  "summary_bg_p95": 208.62043380737305,
  "summary_bg_stdv": 79.64781188964844,
  "summary_fg_k": 5.441238760563435,
  "summary_fg_mad": 213.86609394629758,
  "summary_fg_mean": 561.045654296875,
  "summary_fg_median": 499.4990539550781,
  "summary_fg_n": 166125.0,
  "summary_fg_p05": 251.93295593261718,
  "summary_fg_p95": 1079.8270019531242,
  "summary_fg_stdv": 276.4850769042969,
  "tsnr": 41.010878312867135
}