{
  "aor": 0.0004885365853658537,
  "aqi": 0.005480613353658536,
  "bids_meta": {
    "CogAtlasID": "https://www.cognitiveatlas.org/task/id/trm_4c8991fadfe01",
    "DeviceSerialNumber": "66018",
    "DwellTime": 4.2e-06,
    "EchoTime": 0.039,
    "EffectiveEchoSpacing": 0.000929976,
    "FlipAngle": 50,
    "InstitutionAddress": "Washington Rd, Princeton, NJ 08540, USA",
    "InstitutionName": "Princeton University",
    "InstitutionalDepartmentName": "Princeton Neuroscience Institute",
    "MagneticFieldStrength": 3,
    "Manufacturer": "Siemens",
    "ManufacturersModelName": "Prisma",
    "NumberOfVolumesDiscardedByScanner": 3,
    "ParallelReductionType": "GRAPPA",
    "PartialFourier": 0.75,
    "PhaseEncodingDirection": "j-",
    "PixelBandwidth": 1240,
    "PulseSequenceDetails": "%CustomerSeq%_ep2d_bold_sms_mgh_v22",
    "PulseSequenceType": "Gradient Echo EPI",
    "ReceiveCoilActiveElements": "HC1-7;NC1,2",
    "ReceiveCoilName": "HeadNeck_64",
    "RepetitionTime": 1.5,
    "ScanOptions": "PFP_FS",
    "ScanningSequence": "EP",
    "SequenceName": "epfSM2d1_96",
    "SequenceVariant": "SK",
    "SliceTiming": [
      0.6925,
      0,
      0.79,
      0.1,
      0.8875,
      0.1975,
      0.9875,
      0.2975,
      1.085,
      0.395,
      1.185,
      0.495,
      1.2825,
      0.5925,
      1.3825,
      0.6925,
      0,
      0.79,
      0.1,
      0.8875,
      0.1975,
      0.9875,
      0.2975,
      1.085,
      0.395,
      1.185,
      0.495,
      1.2825,
      0.5925,
      1.3825,
      0.6925,
      0,
      0.79,
      0.1,
      0.8875,
      0.1975,
      0.9875,
      0.2975,
      1.085,
      0.395,
      1.185,
      0.495,
      1.2825,
      0.5925,
      1.3825,
      0.6925,
      0,
      0.79,
      0.1,
      0.8875,
      0.1975,
      0.9875,
      0.2975,
      1.085,
      0.395,
      1.185,
      0.495,
      1.2825,
      0.5925,
      1.3825
    ],
    "SoftwareVersions": "syngo_MR_D13D",
    "StationName": "AWP66018",
    "TaskDescription": "Passively listened to audio story 'schema'",
    "TaskName": "schema",
    "TotalReadoutTime": 0.0883478,
    "dataset": "ds002345",
    "modality": "bold",
    "run_id": 4,
    "subject_id": "189",
    "task_id": "schema"
  },
  "dummy_trs": 1,
  "dvars_nstd": 36.69649391018333,
  "dvars_std": 1.1354012851527484,
  "dvars_vstd": 0.9904749885743374,
  "efc": 0.6070808102345892,
  "fber": 214.3806610107422,
  "fd_mean": 0.08882082682508474,
  "fd_num": 12,
  "fd_perc": 2.4390243902439024,
  "fwhm_avg": 3.0276650000000003,
  "fwhm_x": 2.9175,
  "fwhm_y": 3.177745,
  "fwhm_z": 2.98775,
  "gcor": 0.0186737,
  "gsr_x": 0.010309840552508831,
  "gsr_y": 0.06677283346652985,
  "provenance": {
    "md5sum": "657907ef995298627fce476061d02a8c",
    "settings": {
      "fd_thres": 0.2,
      "testing": false
    },
    "software": "mriqc",
    "version": "22.0.0rc1",
    "webapi_port": null,
    "webapi_url": "https://mriqc.nimh.nih.gov/api/v1"
  },
  "size_t": 492,
  "size_x": 96,
  "size_y": 96,
  "size_z": 60,
  "snr": 1.7933067566107876,
  "spacing_tr": 1.5,
  "spacing_x": 2.0,
  "spacing_y": 2.0,
  "spacing_z": 2.0,
  "summary_bg_k": 22.26518716286427,
  "summary_bg_mad": 14.199231601003424,
  "summary_bg_mean": 64.37850952148438,
  "summary_bg_median": 32.32520294189453,
  "summary_bg_n": 292291.0,
  "summary_bg_p05": 20.670730590820312,
  "summary_bg_p95": 214.89430236816406,
  "summary_bg_stdv": 80.37626647949219,
  "summary_fg_k": 5.474922216249885,
  "summary_fg_mad": 214.81760531883094,
  "summary_fg_mean": 560.3225708007812,
  "summary_fg_median": 498.1097412109375,
  "summary_fg_n": 166513.0,
  "summary_fg_p05": 250.16665649414062,
  "summary_fg_p95": 1081.1804443359374,
  "summary_fg_stdv": 277.7596435546875,
  "tsnr": 40.01253765122965
}