{
  "aor": 0.0013556287425149699,
  "aqi": 0.004491968483033932,
  "bids_meta": {
    "CogAtlasID": "https://www.cognitiveatlas.org/task/id/trm_4c8991fadfe01",
    "DeviceSerialNumber": "66018",
    "DwellTime": 4.2e-06,
    "EchoTime": 0.039,
    "EffectiveEchoSpacing": 0.000929976,
    "FlipAngle": 50,
    "InstitutionAddress": "Washington Rd, Princeton, NJ 08540, USA",
    "InstitutionName": "Princeton University",
    "InstitutionalDepartmentName": "Princeton Neuroscience Institute",
    "MagneticFieldStrength": 3,
    "Manufacturer": "Siemens",
    "ManufacturersModelName": "Prisma",
    "NumberOfVolumesDiscardedByScanner": 3,
    "ParallelReductionType": "GRAPPA",
    "PartialFourier": 0.75,
    "PhaseEncodingDirection": "j-",
    "PixelBandwidth": 1240,
    "PulseSequenceDetails": "%CustomerSeq%_ep2d_bold_sms_mgh_v22",
    "PulseSequenceType": "Gradient Echo EPI",
    "ReceiveCoilActiveElements": "HC1-7;NC1,2",
    "ReceiveCoilName": "HeadNeck_64",
    "RepetitionTime": 1.5,
    "ScanOptions": "PFP_FS",
    "ScanningSequence": "EP",
    "SequenceName": "epfSM2d1_96",
    "SequenceVariant": "SK",
    "SliceTiming": [
      0.6925,
      0,
      0.79,
      0.1,
      0.8875,
      0.1975,
      0.9875,
      0.2975,
      1.085,
      0.395,
      1.185,
      0.495,
      1.2825,
      0.5925,
      1.3825,
      0.6925,
      0,
      0.79,
      0.1,
      0.8875,
      0.1975,
      0.9875,
      0.2975,
      1.085,
      0.395,
      1.185,
      0.495,
      1.2825,
      0.5925,
      1.3825,
      0.6925,
      0,
      0.79,
      0.1,
      0.8875,
      0.1975,
      0.9875,
      0.2975,
      1.085,
      0.395,
      1.185,
      0.495,
      1.2825,
      0.5925,
      1.3825,
      0.6925,
      0,
      0.79,
      0.1,
      0.8875,
      0.1975,
      0.9875,
      0.2975,
      1.085,
      0.395,
      1.185,
      0.495,
      1.2825,
      0.5925,
      1.3825
    ],
    "SoftwareVersions": "syngo_MR_D13D",
    "StationName": "AWP66018",
    "TaskDescription": "Passively listened to audio story 'schema'",
    "TaskName": "schema",
    "TotalReadoutTime": 0.0883478,
    "dataset": "ds002345",
    "modality": "bold",
    "run_id": 1,
    "subject_id": "189",
    "task_id": "schema"
  },
  "dummy_trs": 0,
  "dvars_nstd": 35.369913749800006,
  "dvars_std": 1.1464342640800014,
  "dvars_vstd": 1.0095444471199997,
  "efc": 0.6035467780076189,
  "fber": 232.5360107421875,
  "fd_mean": 0.08840306378085377,
  "fd_num": 10,
  "fd_perc": 1.996007984031936,
  "fwhm_avg": 3.0093566666666667,
  "fwhm_x": 2.8692,
  "fwhm_y": 3.17699,
  "fwhm_z": 2.98188,
  "gcor": 0.0127696,
  "gsr_x": 0.012169853784143925,
  "gsr_y": 0.06433428823947906,
  "provenance": {
    "md5sum": "2334c2f26e521abf5c57260f644bf1e9",
    "settings": {
      "fd_thres": 0.2,
      "testing": false
    },
    "software": "mriqc",
    "version": "22.0.0rc1",
    "webapi_port": null,
    "webapi_url": "https://mriqc.nimh.nih.gov/api/v1"
  },
  "size_t": 501,
  "size_x": 96,
  "size_y": 96,
  "size_z": 60,
  "snr": 1.8082001820841638,
  "spacing_tr": 1.5,
  "spacing_x": 2.0,
  "spacing_y": 2.0,
  "spacing_z": 2.0,
  "summary_bg_k": 23.97292401528603,
  "summary_bg_mad": 13.124434917877064,
  "summary_bg_mean": 61.52839660644531,
  "summary_bg_median": 31.28343391418457,
  "summary_bg_n": 293102.0,
  "summary_bg_p05": 20.485029220581055,
  "summary_bg_p95": 202.34520645141603,
  "summary_bg_stdv": 77.2889175415039,
  "summary_fg_k": 5.5015879064763205,
  "summary_fg_mad": 214.57339311563317,
  "summary_fg_mean": 562.8423461914062,
  "summary_fg_median": 501.0778503417969,
  "summary_fg_n": 165970.0,
  "summary_fg_p05": 253.51296997070312,
  "summary_fg_p95": 1079.819750976562,
  "summary_fg_stdv": 277.1133117675781,
  "tsnr": 40.39003557432443
}