{
  "aor": 0.0009909406952965235,
  "aqi": 0.0053841345194274035,
  "bids_meta": {
    "CogAtlasID": "https://www.cognitiveatlas.org/task/id/trm_4c8991fadfe01",
    "DeviceSerialNumber": "66018",
    "DwellTime": 4.2e-06,
    "EchoTime": 0.039,
    "EffectiveEchoSpacing": 0.000929976,
    "FlipAngle": 50,
    "InstitutionAddress": "Washington Rd, Princeton, NJ 08540, USA",
    "InstitutionName": "Princeton University",
    "InstitutionalDepartmentName": "Princeton Neuroscience Institute",
    "MagneticFieldStrength": 3,
    "Manufacturer": "Siemens",
    "ManufacturersModelName": "Prisma",
    "NumberOfVolumesDiscardedByScanner": 3,
    "ParallelReductionType": "GRAPPA",
    "PartialFourier": 0.75,
    "PhaseEncodingDirection": "j-",
    "PixelBandwidth": 1240,
    "PulseSequenceDetails": "%CustomerSeq%_ep2d_bold_sms_mgh_v22",
    "PulseSequenceType": "Gradient Echo EPI",
    "ReceiveCoilActiveElements": "HC1-7;NC1,2",
    "ReceiveCoilName": "HeadNeck_64",
    "RepetitionTime": 1.5,
    "ScanOptions": "PFP_FS",
    "ScanningSequence": "EP",
    "SequenceName": "epfSM2d1_96",
    "SequenceVariant": "SK",
    "SliceTiming": [
      0.6925,
      0,
      0.79,
      0.1,
      0.8875,
      0.1975,
      0.9875,
      0.2975,
      1.085,
      0.395,
      1.185,
      0.495,
      1.2825,
      0.5925,
      1.3825,
      0.6925,
      0,
      0.79,
      0.1,
      0.8875,
      0.1975,
      0.9875,
      0.2975,
      1.085,
      0.395,
      1.185,
      0.495,
      1.2825,
      0.5925,
      1.3825,
      0.6925,
      0,
      0.79,
      0.1,
      0.8875,
      0.1975,
      0.9875,
      0.2975,
      1.085,
      0.395,
      1.185,
      0.495,
      1.2825,
      0.5925,
      1.3825,
      0.6925,
      0,
      0.79,
      0.1,
      0.8875,
      0.1975,
      0.9875,
      0.2975,
      1.085,
      0.395,
      1.185,
      0.495,
      1.2825,
      0.5925,
      1.3825
    ],
    "SoftwareVersions": "syngo_MR_D13D",
    "StationName": "AWP66018",
    "TaskDescription": "Passively listened to audio story 'schema'",
    "TaskName": "schema",
    "TotalReadoutTime": 0.0883478,
    "dataset": "ds002345",
    "modality": "bold",
    "run_id": 3,
    "subject_id": "189",
    "task_id": "schema"
  },
  "dummy_trs": 1,
  "dvars_nstd": 36.665982512172114,
  "dvars_std": 1.126500215881148,
  "dvars_vstd": 0.9898137290573772,
  "efc": 0.6061910824757877,
  "fber": 220.01979064941406,
  "fd_mean": 0.09040664964920082,
  "fd_num": 13,
  "fd_perc": 2.658486707566462,
  "fwhm_avg": 3.0060916666666664,
  "fwhm_x": 2.89902,
  "fwhm_y": 3.160295,
  "fwhm_z": 2.95896,
  "gcor": 0.0177057,
  "gsr_x": 0.01077407505363226,
  "gsr_y": 0.0664658471941948,
  "provenance": {
    "md5sum": "49007404d077bfcc64b897e62dcf68e1",
    "settings": {
      "fd_thres": 0.2,
      "testing": false
    },
    "software": "mriqc",
    "version": "22.0.0rc1",
    "webapi_port": null,
    "webapi_url": "https://mriqc.nimh.nih.gov/api/v1"
  },
  "size_t": 489,
  "size_x": 96,
  "size_y": 96,
  "size_z": 60,
  "snr": 1.8043007518012195,
  "spacing_tr": 1.5,
  "spacing_x": 2.0,
  "spacing_y": 2.0,
  "spacing_z": 2.0,
  "summary_bg_k": 22.947869431433013,
  "summary_bg_mad": 13.349485681879958,
  "summary_bg_mean": 63.572059631347656,
  "summary_bg_median": 31.95092010498047,
  "summary_bg_n": 293013.0,
  "summary_bg_p05": 21.11247444152832,
  "summary_bg_p95": 211.6744262695311,
  "summary_bg_stdv": 79.49732208251953,
  "summary_fg_k": 5.4783555837255005,
  "summary_fg_mad": 213.67966015597312,
  "summary_fg_mean": 560.6460571289062,
  "summary_fg_median": 498.75762939453125,
  "summary_fg_n": 165870.0,
  "summary_fg_p05": 252.10204467773437,
  "summary_fg_p95": 1078.7161682128906,
  "summary_fg_stdv": 276.42626953125,
  "tsnr": 39.7005483917892
}