{
  "bids_meta": {
    "DeviceSerialNumber": "45031",
    "DwellTime": 8.2e-06,
    "EchoTime": 0.00308,
    "FlipAngle": 9,
    "InstitutionAddress": "Washington Rd, Building 25, Princeton, NJ 08540, USA",
    "InstitutionName": "Princeton University",
    "InstitutionalDepartmentName": "Princeton Neuroscience Institute",
    "InversionTime": 0.9,
    "MagneticFieldStrength": 3,
    "Manufacturer": "Siemens",
    "ManufacturersModelName": "Skyra",
    "ParallelReductionFactorInPlane": 2,
    "ParellelReductionType": "TODO",
    "PartialFourier": 1,
    "PixelBandwidth": 240,
    "PulseSequenceDetails": "%SiemensSeq%_tfl",
    "PulseSequenceType": "MPRAGE",
    "ReceiveCoilActiveElements": "HE1-4",
    "ReceiveCoilName": "HeadNeck_20",
    "RepetitionTime": 2.3,
    "ScanOptions": "IR",
    "ScanningSequence": "GR_IR",
    "SequenceName": "_tfl3d1_16ns",
    "SequenceVariant": "SK_SP_MP",
    "SoftwareVersions": "syngo_MR_E11",
    "StationName": "AWP45031",
    "dataset": "ds002345",
    "modality": "T1w",
    "run_id": 2,
    "subject_id": "249"
  },
  "cjv": 0.5654065856963671,
  "cnr": 2.389307342058032,
  "efc": 0.698507751638723,
  "fber": 868.5574702677048,
  "fwhm_avg": 3.144433372174006,
  "fwhm_x": 3.1684332074311095,
  "fwhm_y": 3.2799534545454545,
  "fwhm_z": 2.9849134545454548,
  "icvs_csf": 0.17204403351262604,
  "icvs_gm": 0.46621747076386916,
  "icvs_wm": 0.3617384957235048,
  "inu_med": 1.2595434188842773,
  "inu_range": 0.5854751706123351,
  "provenance": {
    "md5sum": "7a0b01b2265c8de4f55eb3869a9486cb",
    "settings": {
      "testing": false
    },
    "software": "mriqc",
    "version": "22.0.0rc1",
    "warnings": {
      "large_rot_frame": true,
      "small_air_mask": false
    },
    "webapi_port": null,
    "webapi_url": "https://mriqc.nimh.nih.gov/api/v1"
  },
  "qi_1": 0.0,
  "qi_2": 0.0035566865588255816,
  "rpve_csf": 19.573343598284286,
  "rpve_gm": 8.34004521460713,
  "rpve_wm": 12.052196340432284,
  "size_x": 192,
  "size_y": 256,
  "size_z": 256,
  "snr_csf": 2.3224281333870143,
  "snr_gm": 9.625913215887536,
  "snr_total": 8.431653294156462,
  "snr_wm": 13.346618533194835,
  "snrd_csf": 24.29160966292795,
  "snrd_gm": 38.50351502127812,
  "snrd_total": 38.25138971613465,
  "snrd_wm": 51.959044464197895,
  "spacing_x": 0.9000000357627869,
  "spacing_y": 0.859375,
  "spacing_z": 0.859375,
  "summary_bg_k": 2.1495319333678653,
  "summary_bg_mad": 12.609672910852602,
  "summary_bg_mean": 22.723658208309477,
  "summary_bg_median": 19.76859949529171,
  "summary_bg_n": 2140819.0,
  "summary_bg_p05": 5.593440942466259,
  "summary_bg_p95": 50.034478567540646,
  "summary_bg_stdv": 14.392469521088438,
  "summary_csf_k": 22.53664091994,
  "summary_csf_mad": 158.24571499835744,
  "summary_csf_mean": 473.5754854242817,
  "summary_csf_median": 467.5503648072481,
  "summary_csf_n": 12413.0,
  "summary_csf_p05": 219.14028897881508,
  "summary_csf_p95": 720.159352466464,
  "summary_csf_stdv": 201.311517292536,
  "summary_gm_k": 0.3216221718092207,
  "summary_gm_mad": 73.72682629858865,
  "summary_gm_mean": 741.1878316541113,
  "summary_gm_median": 741.0926136374474,
  "summary_gm_n": 46343.0,
  "summary_gm_p05": 614.8953912779689,
  "summary_gm_p95": 867.6652861423792,
  "summary_gm_stdv": 76.98849981703815,
  "summary_wm_k": 0.18862807656779568,
  "summary_wm_mad": 72.7044203868979,
  "summary_wm_mean": 1000.2871269231854,
  "summary_wm_median": 1000.0765915215015,
  "summary_wm_n": 341059.0,
  "summary_wm_p05": 877.1741357445717,
  "summary_wm_p95": 1124.5881193503737,
  "summary_wm_stdv": 74.93097393162266,
  "tpm_overlap_csf": 0.15940344333648682,
  "tpm_overlap_gm": 0.4682225286960602,
  "tpm_overlap_wm": 0.48882466554641724,
  "wm2max": 0.44190140845070425
}