{
  "aor": 0.010588105263157899,
  "aqi": 0.03981560168421053,
  "bids_meta": {
    "CogAtlasID": "https://www.cognitiveatlas.org/task/id/trm_4c8991fadfe01",
    "DeviceSerialNumber": "45031",
    "DwellTime": 5.4e-06,
    "EchoTime": 0.028,
    "EffectiveEchoSpacing": 0.000390001,
    "FlipAngle": 64,
    "InstitutionAddress": "Washington Rd, Princeton, NJ 08540, USA",
    "InstitutionName": "Princeton University",
    "InstitutionalDepartmentName": "Princeton Neuroscience Institute",
    "MagneticFieldStrength": 3,
    "Manufacturer": "Siemens",
    "ManufacturersModelName": "Skyra",
    "NumberOfVolumesDiscardedByScanner": 3,
    "ParallelReductionFactorInPlane": 2,
    "ParallelReductionType": "GRAPPA",
    "PartialFourier": 1,
    "PhaseEncodingDirection": "j-",
    "PixelBandwidth": 1445,
    "PulseSequenceDetails": "%SiemensSeq%_ep2d_bold",
    "PulseSequenceType": "Gradient Echo EPI",
    "ReceiveCoilActiveElements": "HE1-4",
    "ReceiveCoilName": "HeadNeck_20",
    "RepetitionTime": 1.5,
    "ScanOptions": "FS",
    "ScanningSequence": "EP",
    "SequenceName": "_epfid2d1_64",
    "SequenceVariant": "SK",
    "SliceTiming": [
      0,
      0.7775,
      0.055,
      0.8325,
      0.11,
      0.8875,
      0.165,
      0.9425,
      0.22,
      0.9975,
      0.2775,
      1.055,
      0.3325,
      1.11,
      0.3875,
      1.165,
      0.4425,
      1.22,
      0.5,
      1.2775,
      0.555,
      1.3325,
      0.61,
      1.3875,
      0.665,
      1.4425,
      0.72
    ],
    "SoftwareVersions": "syngo_MR_D11",
    "StationName": "AWP45031",
    "TaskDescription": "Passively listened to audio story 'prettymouth'",
    "TaskName": "prettymouth",
    "TotalReadoutTime": 0.0245701,
    "dataset": "ds002345",
    "modality": "bold",
    "subject_id": "094",
    "task_id": "prettymouth"
  },
  "dummy_trs": 0,
  "dvars_nstd": 25.512379674388175,
  "dvars_std": 1.124323177974683,
  "dvars_vstd": 1.0317982793037983,
  "efc": 0.5808211400697185,
  "fber": 1409.899658203125,
  "fd_mean": 0.2353090083201957,
  "fd_num": 184,
  "fd_perc": 38.73684210526316,
  "fwhm_avg": 1.7672290148502225,
  "fwhm_x": 1.7458233333333333,
  "fwhm_y": 1.9709033333333332,
  "fwhm_z": 1.5849603778840011,
  "gcor": 0.0367708,
  "gsr_x": -0.0071347481571137905,
  "gsr_y": 0.0465288944542408,
  "provenance": {
    "md5sum": "3c37d06b8a512610374129b8330ee363",
    "settings": {
      "fd_thres": 0.2,
      "testing": false
    },
    "software": "mriqc",
    "version": "21.0.0rc2",
    "webapi_port": null,
    "webapi_url": "https://mriqc.nimh.nih.gov/api/v1"
  },
  "size_t": 475,
  "size_x": 64,
  "size_y": 64,
  "size_z": 27,
  "snr": 7.305060173622598,
  "spacing_tr": 1.5,
  "spacing_x": 3.0,
  "spacing_y": 3.0,
  "spacing_z": 3.9999990463256836,
  "summary_bg_k": 43.88536451514027,
  "summary_bg_mad": 12.460100525165888,
  "summary_bg_mean": 38.265098571777344,
  "summary_bg_median": 16.833683013916016,
  "summary_bg_n": 57081.0,
  "summary_bg_p05": 6.875789165496826,
  "summary_bg_p95": 131.97052001953125,
  "summary_bg_stdv": 66.80055236816406,
  "summary_fg_k": 2.9812232357756683,
  "summary_fg_mad": 79.74841682984292,
  "summary_fg_mean": 665.5061645507812,
  "summary_fg_median": 658.0,
  "summary_fg_n": 25747.0,
  "summary_fg_p05": 543.2652282714844,
  "summary_fg_p95": 815.7378601074219,
  "summary_fg_stdv": 90.07279968261719,
  "tsnr": 36.01852313533891
}