{
  "aor": 0.0022056634304207117,
  "aqi": 0.003672937443365696,
  "bids_meta": {
    "CogAtlasID": "https://www.cognitiveatlas.org/task/id/trm_4c8991fadfe01",
    "DeviceSerialNumber": "66018",
    "DwellTime": 4.2e-06,
    "EchoTime": 0.039,
    "EffectiveEchoSpacing": 0.000929976,
    "FlipAngle": 50,
    "InstitutionAddress": "Washington Rd, Princeton, NJ 08540, USA",
    "InstitutionName": "Princeton University",
    "InstitutionalDepartmentName": "Princeton Neuroscience Institute",
    "MagneticFieldStrength": 3,
    "Manufacturer": "Siemens",
    "ManufacturersModelName": "Prisma",
    "NumberOfVolumesDiscardedByScanner": 3,
    "ParallelReductionType": "GRAPPA",
    "PartialFourier": 0.75,
    "PhaseEncodingDirection": "j-",
    "PixelBandwidth": 1240,
    "PulseSequenceDetails": "%CustomerSeq%_ep2d_bold_sms_mgh_v22",
    "PulseSequenceType": "Gradient Echo EPI",
    "ReceiveCoilActiveElements": "HC1-7;NC1,2",
    "ReceiveCoilName": "HeadNeck_64",
    "RepetitionTime": 1.5,
    "ScanOptions": "PFP_FS",
    "ScanningSequence": "EP",
    "SequenceName": "epfSM2d1_96",
    "SequenceVariant": "SK",
    "SliceTiming": [
      0.6925,
      0,
      0.79,
      0.1,
      0.8875,
      0.1975,
      0.9875,
      0.2975,
      1.085,
      0.395,
      1.185,
      0.495,
      1.2825,
      0.5925,
      1.3825,
      0.6925,
      0,
      0.79,
      0.1,
      0.8875,
      0.1975,
      0.9875,
      0.2975,
      1.085,
      0.395,
      1.185,
      0.495,
      1.2825,
      0.5925,
      1.3825,
      0.6925,
      0,
      0.79,
      0.1,
      0.8875,
      0.1975,
      0.9875,
      0.2975,
      1.085,
      0.395,
      1.185,
      0.495,
      1.2825,
      0.5925,
      1.3825,
      0.6925,
      0,
      0.79,
      0.1,
      0.8875,
      0.1975,
      0.9875,
      0.2975,
      1.085,
      0.395,
      1.185,
      0.495,
      1.2825,
      0.5925,
      1.3825
    ],
    "SoftwareVersions": "syngo_MR_D13D",
    "StationName": "AWP66018",
    "TaskDescription": "Passively listened to audio story 'shapesphysical'",
    "TaskName": "shapesphysical",
    "TotalReadoutTime": 0.0883478,
    "dataset": "ds002345",
    "modality": "bold",
    "subject_id": "210",
    "task_id": "shapesphysical"
  },
  "dummy_trs": 0,
  "dvars_nstd": 33.08294748922079,
  "dvars_std": 1.1530099233116882,
  "dvars_vstd": 1.0361616002922078,
  "efc": 0.5893742992242316,
  "fber": 321.19219970703125,
  "fd_mean": 0.09748527727707194,
  "fd_num": 2,
  "fd_perc": 0.6472491909385113,
  "fwhm_avg": 3.17405,
  "fwhm_x": 2.96081,
  "fwhm_y": 3.361985,
  "fwhm_z": 3.199355,
  "gcor": 0.010733,
  "gsr_x": -0.00945998728275299,
  "gsr_y": 0.04462874308228493,
  "provenance": {
    "md5sum": "5ded1e07e44b6724b7db6736294c365f",
    "settings": {
      "fd_thres": 0.2,
      "testing": false
    },
    "software": "mriqc",
    "version": "22.0.0rc1",
    "webapi_port": null,
    "webapi_url": "https://mriqc.nimh.nih.gov/api/v1"
  },
  "size_t": 309,
  "size_x": 96,
  "size_y": 96,
  "size_z": 60,
  "snr": 2.2540102491782403,
  "spacing_tr": 1.5,
  "spacing_x": 2.0,
  "spacing_y": 2.0,
  "spacing_z": 2.0,
  "summary_bg_k": 32.89477971311542,
  "summary_bg_mad": 7.494577289714624,
  "summary_bg_mean": 42.295650482177734,
  "summary_bg_median": 27.132686614990234,
  "summary_bg_n": 305555.0,
  "summary_bg_p05": 21.025890350341797,
  "summary_bg_p95": 117.26213836669922,
  "summary_bg_stdv": 44.080955505371094,
  "summary_fg_k": 2.3626408784199544,
  "summary_fg_mad": 197.38761820215154,
  "summary_fg_mean": 544.114013671875,
  "summary_fg_median": 503.79290771484375,
  "summary_fg_n": 157433.0,
  "summary_fg_p05": 267.81749267578124,
  "summary_fg_p95": 965.9378906249997,
  "summary_fg_stdv": 223.50888061523438,
  "tsnr": 47.56909167347476
}