{
  "aor": 0.0006474,
  "aqi": 0.007778373466666665,
  "bids_meta": {
    "CogAtlasID": "https://www.cognitiveatlas.org/task/id/trm_4c8991fadfe01",
    "DeviceSerialNumber": "45031",
    "DwellTime": 5.4e-06,
    "EchoTime": 0.028,
    "EffectiveEchoSpacing": 0.000390001,
    "FlipAngle": 64,
    "InstitutionAddress": "Washington Rd, Princeton, NJ 08540, USA",
    "InstitutionName": "Princeton University",
    "InstitutionalDepartmentName": "Princeton Neuroscience Institute",
    "MagneticFieldStrength": 3,
    "Manufacturer": "Siemens",
    "ManufacturersModelName": "Skyra",
    "NumberOfVolumesDiscardedByScanner": 3,
    "ParallelReductionFactorInPlane": 2,
    "ParallelReductionType": "GRAPPA",
    "PartialFourier": 1,
    "PhaseEncodingDirection": "j-",
    "PixelBandwidth": 1445,
    "PulseSequenceDetails": "%SiemensSeq%_ep2d_bold",
    "PulseSequenceType": "Gradient Echo EPI",
    "ReceiveCoilActiveElements": "HE1-4",
    "ReceiveCoilName": "HeadNeck_20",
    "RepetitionTime": 1.5,
    "ScanOptions": "FS",
    "ScanningSequence": "EP",
    "SequenceName": "_epfid2d1_64",
    "SequenceVariant": "SK",
    "SliceTiming": [
      0,
      0.7775,
      0.055,
      0.8325,
      0.11,
      0.89,
      0.1675,
      0.945,
      0.2225,
      1,
      0.2775,
      1.055,
      0.3325,
      1.11,
      0.39,
      1.1675,
      0.445,
      1.2225,
      0.5,
      1.2775,
      0.555,
      1.3325,
      0.61,
      1.3875,
      0.6675,
      1.445,
      0.7225
    ],
    "SoftwareVersions": "syngo_MR_D11",
    "StationName": "AWP45031",
    "TaskDescription": "Passively listened to audio story 'pieman'",
    "TaskName": "pieman",
    "TotalReadoutTime": 0.0245701,
    "dataset": "ds002345",
    "modality": "bold",
    "subject_id": "071",
    "task_id": "pieman"
  },
  "dummy_trs": 0,
  "dvars_nstd": 24.729771049397975,
  "dvars_std": 1.306508073076923,
  "dvars_vstd": 0.9872034459197322,
  "efc": 0.6408850288923501,
  "fber": 1088.2584228515625,
  "fd_mean": 0.1203614721351771,
  "fd_num": 28,
  "fd_perc": 9.333333333333334,
  "fwhm_avg": 1.8148636111111112,
  "fwhm_x": 1.7696033333333334,
  "fwhm_y": 2.04922,
  "fwhm_z": 1.6257675,
  "gcor": 0.0320031,
  "gsr_x": -0.023586174473166466,
  "gsr_y": 0.04050320014357567,
  "provenance": {
    "md5sum": "d72c9aa65830dc5bf007ae1d874ad7b1",
    "settings": {
      "fd_thres": 0.2,
      "testing": false
    },
    "software": "mriqc",
    "version": "21.0.0rc2",
    "webapi_port": null,
    "webapi_url": "https://mriqc.nimh.nih.gov/api/v1"
  },
  "size_t": 300,
  "size_x": 64,
  "size_y": 64,
  "size_z": 27,
  "snr": 6.864618430216399,
  "spacing_tr": 1.5,
  "spacing_x": 3.0,
  "spacing_y": 3.0,
  "spacing_z": 4.0,
  "summary_bg_k": 16.978684807016453,
  "summary_bg_mad": 16.545840532295372,
  "summary_bg_mean": 50.32032012939453,
  "summary_bg_median": 21.43000030517578,
  "summary_bg_n": 48755.0,
  "summary_bg_p05": 8.270000457763672,
  "summary_bg_p95": 192.42667694091767,
  "summary_bg_stdv": 72.46832275390625,
  "summary_fg_k": 3.128356230207614,
  "summary_fg_mad": 97.22654508301187,
  "summary_fg_mean": 788.1304321289062,
  "summary_fg_median": 778.5416870117188,
  "summary_fg_n": 32772.0,
  "summary_fg_p05": 639.1750061035157,
  "summary_fg_p95": 974.6371917724607,
  "summary_fg_stdv": 113.41195678710938,
  "tsnr": 73.9194745401619
}