{
  "aor": 0.0010505666666666665,
  "aqi": 0.007070337866666667,
  "bids_meta": {
    "CogAtlasID": "https://www.cognitiveatlas.org/task/id/trm_4c8991fadfe01",
    "DeviceSerialNumber": "45031",
    "DwellTime": 5.4e-06,
    "EchoTime": 0.028,
    "EffectiveEchoSpacing": 0.000390001,
    "FlipAngle": 64,
    "InstitutionAddress": "Washington Rd, Princeton, NJ 08540, USA",
    "InstitutionName": "Princeton University",
    "InstitutionalDepartmentName": "Princeton Neuroscience Institute",
    "MagneticFieldStrength": 3,
    "Manufacturer": "Siemens",
    "ManufacturersModelName": "Skyra",
    "NumberOfVolumesDiscardedByScanner": 3,
    "ParallelReductionFactorInPlane": 2,
    "ParallelReductionType": "GRAPPA",
    "PartialFourier": 1,
    "PhaseEncodingDirection": "j-",
    "PixelBandwidth": 1445,
    "PulseSequenceDetails": "%SiemensSeq%_ep2d_bold",
    "PulseSequenceType": "Gradient Echo EPI",
    "ReceiveCoilActiveElements": "HE1-4",
    "ReceiveCoilName": "HeadNeck_20",
    "RepetitionTime": 1.5,
    "ScanOptions": "FS",
    "ScanningSequence": "EP",
    "SequenceName": "_epfid2d1_64",
    "SequenceVariant": "SK",
    "SliceTiming": [
      0,
      0.7775,
      0.055,
      0.8325,
      0.11,
      0.89,
      0.1675,
      0.945,
      0.2225,
      1,
      0.2775,
      1.055,
      0.3325,
      1.11,
      0.39,
      1.1675,
      0.445,
      1.2225,
      0.5,
      1.2775,
      0.555,
      1.3325,
      0.61,
      1.3875,
      0.6675,
      1.445,
      0.7225
    ],
    "SoftwareVersions": "syngo_MR_D11",
    "StationName": "AWP45031",
    "TaskDescription": "Passively listened to audio story 'pieman'",
    "TaskName": "pieman",
    "TotalReadoutTime": 0.0245701,
    "dataset": "ds002345",
    "modality": "bold",
    "run_id": 2,
    "subject_id": "001",
    "task_id": "pieman"
  },
  "dummy_trs": 0,
  "dvars_nstd": 19.642255209297666,
  "dvars_std": 1.1111879404682266,
  "dvars_vstd": 1.0081768636789288,
  "efc": 0.5593159653753668,
  "fber": 2388.399169921875,
  "fd_mean": 0.16712289746854186,
  "fd_num": 86,
  "fd_perc": 28.666666666666668,
  "fwhm_avg": 1.8272580555555553,
  "fwhm_x": 1.7282766666666667,
  "fwhm_y": 2.11497,
  "fwhm_z": 1.6385275,
  "gcor": 0.0313777,
  "gsr_x": -0.004315879195928574,
  "gsr_y": 0.046015817672014236,
  "provenance": {
    "md5sum": "e067e38a5a6543e6cbd81cbdf4064bfb",
    "settings": {
      "fd_thres": 0.2,
      "testing": false
    },
    "software": "mriqc",
    "version": "21.0.0rc2",
    "webapi_port": null,
    "webapi_url": "https://mriqc.nimh.nih.gov/api/v1"
  },
  "size_t": 300,
  "size_x": 64,
  "size_y": 64,
  "size_z": 27,
  "snr": 7.143005340275213,
  "spacing_tr": 1.5,
  "spacing_x": 3.0,
  "spacing_y": 3.0,
  "spacing_z": 4.0,
  "summary_bg_k": 18.29629382784102,
  "summary_bg_mad": 8.616389629283388,
  "summary_bg_mean": 38.16400909423828,
  "summary_bg_median": 12.944999694824219,
  "summary_bg_n": 59610.0,
  "summary_bg_p05": 6.090000152587891,
  "summary_bg_p95": 164.44950790405264,
  "summary_bg_stdv": 67.34286499023438,
  "summary_fg_k": 2.584494080486749,
  "summary_fg_mad": 82.1188701022345,
  "summary_fg_mean": 660.628662109375,
  "summary_fg_median": 650.9116821289062,
  "summary_fg_n": 23454.0,
  "summary_fg_p05": 540.9205108642578,
  "summary_fg_p95": 819.1503295898436,
  "summary_fg_stdv": 91.1238021850586,
  "tsnr": 72.28402470750734
}