{
  "aor": 0.0006182307692307692,
  "aqi": 0.014606823817307692,
  "bids_meta": {
    "CogAtlasID": "https://www.cognitiveatlas.org/task/id/trm_4c8991fadfe01",
    "DeviceSerialNumber": "45031",
    "DwellTime": 5.4e-06,
    "EchoTime": 0.028,
    "EffectiveEchoSpacing": 0.000390001,
    "FlipAngle": 64,
    "InstitutionAddress": "Washington Rd, Princeton, NJ 08540, USA",
    "InstitutionName": "Princeton University",
    "InstitutionalDepartmentName": "Princeton Neuroscience Institute",
    "MagneticFieldStrength": 3,
    "Manufacturer": "Siemens",
    "ManufacturersModelName": "Skyra",
    "NumberOfVolumesDiscardedByScanner": 3,
    "ParallelReductionFactorInPlane": 2,
    "ParallelReductionType": "GRAPPA",
    "PartialFourier": 1,
    "PhaseEncodingDirection": "j-",
    "PixelBandwidth": 1445,
    "PulseSequenceDetails": "%SiemensSeq%_ep2d_bold",
    "PulseSequenceType": "Gradient Echo EPI",
    "ReceiveCoilActiveElements": "HE1-4",
    "ReceiveCoilName": "HeadNeck_20",
    "RepetitionTime": 1.5,
    "ScanOptions": "FS",
    "ScanningSequence": "EP",
    "SequenceName": "_epfid2d1_64",
    "SequenceVariant": "SK",
    "SliceTiming": [
      0,
      0.7775,
      0.055,
      0.8325,
      0.1125,
      0.89,
      0.1675,
      0.945,
      0.2225,
      1,
      0.2775,
      1.055,
      0.3325,
      1.11,
      0.39,
      1.1675,
      0.445,
      1.2225,
      0.5,
      1.2775,
      0.555,
      1.3325,
      0.6125,
      1.39,
      0.6675,
      1.445,
      0.7225
    ],
    "SoftwareVersions": "syngo_MR_D11",
    "StationName": "AWP45031",
    "TaskDescription": "Passively listened to audio story 'tunnel'",
    "TaskName": "tunnel",
    "TotalReadoutTime": 0.0245701,
    "dataset": "ds002345",
    "modality": "bold",
    "subject_id": "001",
    "task_id": "tunnel"
  },
  "dummy_trs": 0,
  "dvars_nstd": 20.179386752107806,
  "dvars_std": 1.0968727390664081,
  "dvars_vstd": 0.9499225701539935,
  "efc": 0.5661109325363884,
  "fber": 1823.7796630859375,
  "fd_mean": 0.1256583994927462,
  "fd_num": 106,
  "fd_perc": 10.192307692307692,
  "fwhm_avg": 1.7917562619967893,
  "fwhm_x": 1.73374,
  "fwhm_y": 2.0448566666666665,
  "fwhm_z": 1.596672119323702,
  "gcor": 0.0850727,
  "gsr_x": 0.001590787316672504,
  "gsr_y": 0.04454410448670387,
  "provenance": {
    "md5sum": "0cc97ad52202a1728927570eff414564",
    "settings": {
      "fd_thres": 0.2,
      "testing": false
    },
    "software": "mriqc",
    "version": "21.0.0rc2",
    "webapi_port": null,
    "webapi_url": "https://mriqc.nimh.nih.gov/api/v1"
  },
  "size_t": 1040,
  "size_x": 64,
  "size_y": 64,
  "size_z": 27,
  "snr": 7.361502287955003,
  "spacing_tr": 1.5,
  "spacing_x": 3.0,
  "spacing_y": 3.0,
  "spacing_z": 4.000000953674316,
  "summary_bg_k": 13.403053705847313,
  "summary_bg_mad": 11.56002048016449,
  "summary_bg_mean": 45.74494934082031,
  "summary_bg_median": 15.882692337036133,
  "summary_bg_n": 60259.0,
  "summary_bg_p05": 6.705769062042236,
  "summary_bg_p95": 218.51317291259753,
  "summary_bg_stdv": 79.84227752685547,
  "summary_fg_k": 2.6750111164388546,
  "summary_fg_mad": 87.57904323233207,
  "summary_fg_mean": 709.1893310546875,
  "summary_fg_median": 701.0048217773438,
  "summary_fg_n": 23385.0,
  "summary_fg_p05": 578.6406005859375,
  "summary_fg_p95": 870.623291015625,
  "summary_fg_stdv": 95.22374725341797,
  "tsnr": 49.91857013851404
}