{
  "aor": 0.0128782,
  "aqi": 0.011386963266666668,
  "bids_meta": {
    "CogAtlasID": "https://www.cognitiveatlas.org/task/id/trm_4c8991fadfe01",
    "DeviceSerialNumber": "45031",
    "DwellTime": 5.4e-06,
    "EchoTime": 0.028,
    "EffectiveEchoSpacing": 0.000390001,
    "FlipAngle": 64,
    "InstitutionAddress": "Washington Rd, Princeton, NJ 08540, USA",
    "InstitutionName": "Princeton University",
    "InstitutionalDepartmentName": "Princeton Neuroscience Institute",
    "MagneticFieldStrength": 3,
    "Manufacturer": "Siemens",
    "ManufacturersModelName": "Skyra",
    "NumberOfVolumesDiscardedByScanner": 3,
    "ParallelReductionFactorInPlane": 2,
    "ParallelReductionType": "GRAPPA",
    "PartialFourier": 1,
    "PhaseEncodingDirection": "j-",
    "PixelBandwidth": 1445,
    "PulseSequenceDetails": "%SiemensSeq%_ep2d_bold",
    "PulseSequenceType": "Gradient Echo EPI",
    "ReceiveCoilActiveElements": "HE1-4",
    "ReceiveCoilName": "HeadNeck_20",
    "RepetitionTime": 1.5,
    "ScanOptions": "FS",
    "ScanningSequence": "EP",
    "SequenceName": "_epfid2d1_64",
    "SequenceVariant": "SK",
    "SliceTiming": [
      0,
      0.7775,
      0.055,
      0.8325,
      0.11,
      0.89,
      0.1675,
      0.945,
      0.2225,
      1,
      0.2775,
      1.055,
      0.3325,
      1.11,
      0.39,
      1.1675,
      0.445,
      1.2225,
      0.5,
      1.2775,
      0.555,
      1.3325,
      0.61,
      1.3875,
      0.6675,
      1.445,
      0.7225
    ],
    "SoftwareVersions": "syngo_MR_D11",
    "StationName": "AWP45031",
    "TaskDescription": "Passively listened to audio story 'pieman'",
    "TaskName": "pieman",
    "TotalReadoutTime": 0.0245701,
    "dataset": "ds002345",
    "modality": "bold",
    "run_id": 1,
    "subject_id": "001",
    "task_id": "pieman"
  },
  "dummy_trs": 0,
  "dvars_nstd": 21.386513407056853,
  "dvars_std": 1.2449135508695655,
  "dvars_vstd": 1.1426606184280932,
  "efc": 0.5593554739385681,
  "fber": 2456.945556640625,
  "fd_mean": 0.22389650935197367,
  "fd_num": 152,
  "fd_perc": 50.666666666666664,
  "fwhm_avg": 1.8231491666666668,
  "fwhm_x": 1.7324400000000002,
  "fwhm_y": 2.09844,
  "fwhm_z": 1.6385675,
  "gcor": 0.0795742,
  "gsr_x": -0.003743187291547656,
  "gsr_y": 0.04710014536976814,
  "provenance": {
    "md5sum": "5066b843f0f79940d0e9a722d7ad7096",
    "settings": {
      "fd_thres": 0.2,
      "testing": false
    },
    "software": "mriqc",
    "version": "21.0.0rc2",
    "webapi_port": null,
    "webapi_url": "https://mriqc.nimh.nih.gov/api/v1"
  },
  "size_t": 300,
  "size_x": 64,
  "size_y": 64,
  "size_z": 27,
  "snr": 7.239123860437519,
  "spacing_tr": 1.5,
  "spacing_x": 3.0,
  "spacing_y": 3.0,
  "spacing_z": 4.0,
  "summary_bg_k": 18.722824963462507,
  "summary_bg_mad": 7.892384999197551,
  "summary_bg_mean": 38.23871994018555,
  "summary_bg_median": 12.74000072479248,
  "summary_bg_n": 59571.0,
  "summary_bg_p05": 6.37000036239624,
  "summary_bg_p95": 164.07167053222656,
  "summary_bg_stdv": 67.6611557006836,
  "summary_fg_k": 2.676215325114434,
  "summary_fg_mad": 81.33553598941138,
  "summary_fg_mean": 664.0213012695312,
  "summary_fg_median": 654.2733764648438,
  "summary_fg_n": 23503.0,
  "summary_fg_p05": 545.1816589355469,
  "summary_fg_p95": 821.3830139160154,
  "summary_fg_stdv": 90.37826538085938,
  "tsnr": 58.744306398555636
}