{
  "aor": 0.0017133333333333336,
  "aqi": 0.006035854660194174,
  "bids_meta": {
    "CogAtlasID": "https://www.cognitiveatlas.org/task/id/trm_4c8991fadfe01",
    "DeviceSerialNumber": "66018",
    "DwellTime": 4.2e-06,
    "EchoTime": 0.039,
    "EffectiveEchoSpacing": 0.000929976,
    "FlipAngle": 50,
    "InstitutionAddress": "Washington Rd, Princeton, NJ 08540, USA",
    "InstitutionName": "Princeton University",
    "InstitutionalDepartmentName": "Princeton Neuroscience Institute",
    "MagneticFieldStrength": 3,
    "Manufacturer": "Siemens",
    "ManufacturersModelName": "Prisma",
    "NumberOfVolumesDiscardedByScanner": 3,
    "ParallelReductionType": "GRAPPA",
    "PartialFourier": 0.75,
    "PhaseEncodingDirection": "j-",
    "PixelBandwidth": 1240,
    "PulseSequenceDetails": "%CustomerSeq%_ep2d_bold_sms_mgh_v22",
    "PulseSequenceType": "Gradient Echo EPI",
    "ReceiveCoilActiveElements": "HC1-7;NC1,2",
    "ReceiveCoilName": "HeadNeck_64",
    "RepetitionTime": 1.5,
    "ScanOptions": "PFP_FS",
    "ScanningSequence": "EP",
    "SequenceName": "epfSM2d1_96",
    "SequenceVariant": "SK",
    "SliceTiming": [
      0.6925,
      0,
      0.79,
      0.1,
      0.8875,
      0.1975,
      0.9875,
      0.2975,
      1.085,
      0.395,
      1.185,
      0.495,
      1.2825,
      0.5925,
      1.3825,
      0.6925,
      0,
      0.79,
      0.1,
      0.8875,
      0.1975,
      0.9875,
      0.2975,
      1.085,
      0.395,
      1.185,
      0.495,
      1.2825,
      0.5925,
      1.3825,
      0.6925,
      0,
      0.79,
      0.1,
      0.8875,
      0.1975,
      0.9875,
      0.2975,
      1.085,
      0.395,
      1.185,
      0.495,
      1.2825,
      0.5925,
      1.3825,
      0.6925,
      0,
      0.79,
      0.1,
      0.8875,
      0.1975,
      0.9875,
      0.2975,
      1.085,
      0.395,
      1.185,
      0.495,
      1.2825,
      0.5925,
      1.3825
    ],
    "SoftwareVersions": "syngo_MR_D13D",
    "StationName": "AWP66018",
    "TaskDescription": "Passively listened to audio story 'shapesphysical'",
    "TaskName": "shapesphysical",
    "TotalReadoutTime": 0.0883478,
    "dataset": "ds002345",
    "modality": "bold",
    "subject_id": "218",
    "task_id": "shapesphysical"
  },
  "dummy_trs": 0,
  "dvars_nstd": 37.11732785727272,
  "dvars_std": 1.1513548385064942,
  "dvars_vstd": 1.0072326424350657,
  "efc": 0.5800968873506985,
  "fber": 372.6444091796875,
  "fd_mean": 0.1187963381816022,
  "fd_num": 23,
  "fd_perc": 7.44336569579288,
  "fwhm_avg": 2.946308333333333,
  "fwhm_x": 2.78452,
  "fwhm_y": 3.14034,
  "fwhm_z": 2.914065,
  "gcor": 0.0167631,
  "gsr_x": -0.014457954093813896,
  "gsr_y": 0.051494818180799484,
  "provenance": {
    "md5sum": "68b98a3727c41ef72fc06069dbeb496f",
    "settings": {
      "fd_thres": 0.2,
      "testing": false
    },
    "software": "mriqc",
    "version": "22.0.0rc1",
    "webapi_port": null,
    "webapi_url": "https://mriqc.nimh.nih.gov/api/v1"
  },
  "size_t": 309,
  "size_x": 96,
  "size_y": 96,
  "size_z": 60,
  "snr": 2.2596946959717754,
  "spacing_tr": 1.5,
  "spacing_x": 2.0,
  "spacing_y": 2.0,
  "spacing_z": 2.0,
  "summary_bg_k": 68.26841655007367,
  "summary_bg_mad": 6.875628304081059,
  "summary_bg_mean": 41.82279968261719,
  "summary_bg_median": 25.229774475097656,
  "summary_bg_n": 312947.0,
  "summary_bg_p05": 19.41423988342285,
  "summary_bg_p95": 119.32071762084972,
  "summary_bg_stdv": 50.110626220703125,
  "summary_fg_k": 4.042161985223228,
  "summary_fg_mad": 187.13889509050063,
  "summary_fg_mean": 543.8106689453125,
  "summary_fg_median": 505.0809326171875,
  "summary_fg_n": 149602.0,
  "summary_fg_p05": 269.3370635986328,
  "summary_fg_p95": 954.0511718749998,
  "summary_fg_stdv": 223.51658630371094,
  "tsnr": 41.173317790729925
}