{
  "aor": 0.0018346,
  "aqi": 0.005267450833333333,
  "bids_meta": {
    "CogAtlasID": "https://www.cognitiveatlas.org/task/id/trm_4c8991fadfe01",
    "DeviceSerialNumber": "45031",
    "DwellTime": 5.4e-06,
    "EchoTime": 0.028,
    "EffectiveEchoSpacing": 0.000390001,
    "FlipAngle": 64,
    "InstitutionAddress": "Washington Rd, Princeton, NJ 08540, USA",
    "InstitutionName": "Princeton University",
    "InstitutionalDepartmentName": "Princeton Neuroscience Institute",
    "MagneticFieldStrength": 3,
    "Manufacturer": "Siemens",
    "ManufacturersModelName": "Skyra",
    "NumberOfVolumesDiscardedByScanner": 3,
    "ParallelReductionFactorInPlane": 2,
    "ParallelReductionType": "GRAPPA",
    "PartialFourier": 1,
    "PhaseEncodingDirection": "j-",
    "PixelBandwidth": 1445,
    "PulseSequenceDetails": "%SiemensSeq%_ep2d_bold",
    "PulseSequenceType": "Gradient Echo EPI",
    "ReceiveCoilActiveElements": "HE1-4",
    "ReceiveCoilName": "HeadNeck_20",
    "RepetitionTime": 1.5,
    "ScanOptions": "FS",
    "ScanningSequence": "EP",
    "SequenceName": "_epfid2d1_64",
    "SequenceVariant": "SK",
    "SliceTiming": [
      0,
      0.7775,
      0.055,
      0.8325,
      0.11,
      0.89,
      0.1675,
      0.945,
      0.2225,
      1,
      0.2775,
      1.055,
      0.3325,
      1.11,
      0.39,
      1.1675,
      0.445,
      1.2225,
      0.5,
      1.2775,
      0.555,
      1.3325,
      0.61,
      1.3875,
      0.6675,
      1.445,
      0.7225
    ],
    "SoftwareVersions": "syngo_MR_D11",
    "StationName": "AWP45031",
    "TaskDescription": "Passively listened to audio story 'pieman'",
    "TaskName": "pieman",
    "TotalReadoutTime": 0.0245701,
    "dataset": "ds002345",
    "modality": "bold",
    "subject_id": "072",
    "task_id": "pieman"
  },
  "dummy_trs": 0,
  "dvars_nstd": 22.912412853979923,
  "dvars_std": 1.3328240427424753,
  "dvars_vstd": 1.0188327983612036,
  "efc": 0.6603575038134182,
  "fber": 1178.541259765625,
  "fd_mean": 0.09063235095258754,
  "fd_num": 1,
  "fd_perc": 0.3333333333333333,
  "fwhm_avg": 1.758798888888889,
  "fwhm_x": 1.7097233333333335,
  "fwhm_y": 1.9588533333333331,
  "fwhm_z": 1.60782,
  "gcor": 0.0224426,
  "gsr_x": -0.013433755375444889,
  "gsr_y": 0.05445082485675812,
  "provenance": {
    "md5sum": "9bb6578e543184144069aac7d15569b1",
    "settings": {
      "fd_thres": 0.2,
      "testing": false
    },
    "software": "mriqc",
    "version": "21.0.0rc2",
    "webapi_port": null,
    "webapi_url": "https://mriqc.nimh.nih.gov/api/v1"
  },
  "size_t": 300,
  "size_x": 64,
  "size_y": 64,
  "size_z": 27,
  "snr": 6.956981783171856,
  "spacing_tr": 1.5,
  "spacing_x": 3.0,
  "spacing_y": 3.0,
  "spacing_z": 4.0,
  "summary_bg_k": 19.22932063720416,
  "summary_bg_mad": 14.979224621676481,
  "summary_bg_mean": 56.582271575927734,
  "summary_bg_median": 20.0,
  "summary_bg_n": 46684.0,
  "summary_bg_p05": 8.226666450500488,
  "summary_bg_p95": 224.6841743469238,
  "summary_bg_stdv": 86.07086181640625,
  "summary_fg_k": 2.8080867221061183,
  "summary_fg_mad": 94.7876807219246,
  "summary_fg_mean": 748.0767822265625,
  "summary_fg_median": 738.68505859375,
  "summary_fg_n": 34960.0,
  "summary_fg_p05": 605.2793609619141,
  "summary_fg_p95": 926.1611785888668,
  "summary_fg_stdv": 106.17743682861328,
  "tsnr": 86.95989394932985
}