{
  "aor": 0.0011927364864864863,
  "aqi": 0.007519337601351352,
  "bids_meta": {
    "CogAtlasID": "https://www.cognitiveatlas.org/task/id/trm_4c8991fadfe01",
    "DeviceSerialNumber": "45031",
    "DwellTime": 5.4e-06,
    "EchoTime": 0.028,
    "EffectiveEchoSpacing": 0.000390001,
    "FlipAngle": 64,
    "InstitutionAddress": "Washington Rd, Princeton, NJ 08540, USA",
    "InstitutionName": "Princeton University",
    "InstitutionalDepartmentName": "Princeton Neuroscience Institute",
    "MagneticFieldStrength": 3,
    "Manufacturer": "Siemens",
    "ManufacturersModelName": "Skyra",
    "NumberOfVolumesDiscardedByScanner": 3,
    "ParallelReductionFactorInPlane": 2,
    "ParallelReductionType": "GRAPPA",
    "PartialFourier": 1,
    "PhaseEncodingDirection": "j-",
    "PixelBandwidth": 1445,
    "PulseSequenceDetails": "%SiemensSeq%_ep2d_bold",
    "PulseSequenceType": "Gradient Echo EPI",
    "ReceiveCoilActiveElements": "HE1-4",
    "ReceiveCoilName": "HeadNeck_20",
    "RepetitionTime": 1.52,
    "ScanOptions": "FS",
    "ScanningSequence": "EP",
    "SequenceName": "_epfid2d1_64",
    "SequenceVariant": "SK",
    "SliceTiming": [
      0,
      0.7775,
      0.0575,
      0.835,
      0.1125,
      0.89,
      0.1675,
      0.945,
      0.2225,
      1,
      0.2775,
      1.055,
      0.335,
      1.1125,
      0.39,
      1.1675,
      0.445,
      1.2225,
      0.5,
      1.2775,
      0.5575,
      1.335,
      0.6125,
      1.39,
      0.6675,
      1.445,
      0.7225
    ],
    "SoftwareVersions": "syngo_MR_E11",
    "StationName": "AWP45031",
    "TaskDescription": "Passively listened to audio story 'milkyway'",
    "TaskName": "milkyway",
    "TotalReadoutTime": 0.0245701,
    "dataset": "ds002345",
    "modality": "bold",
    "subject_id": "124",
    "task_id": "milkyway"
  },
  "dummy_trs": 1,
  "dvars_nstd": 25.922141220542375,
  "dvars_std": 1.309262035627119,
  "dvars_vstd": 0.9987303381355935,
  "efc": 0.6126408311624697,
  "fber": 1759.093994140625,
  "fd_mean": 0.12322586175472502,
  "fd_num": 25,
  "fd_perc": 8.445945945945946,
  "fwhm_avg": 1.706968611111111,
  "fwhm_x": 1.6577866666666665,
  "fwhm_y": 1.9251466666666666,
  "fwhm_z": 1.5379725,
  "gcor": 0.0127747,
  "gsr_x": -0.008197405375540257,
  "gsr_y": 0.060213036835193634,
  "provenance": {
    "md5sum": "91d7e985f4672a4d5c803e9a6be174ea",
    "settings": {
      "fd_thres": 0.2,
      "testing": false
    },
    "software": "mriqc",
    "version": "22.0.0rc1",
    "webapi_port": null,
    "webapi_url": "https://mriqc.nimh.nih.gov/api/v1"
  },
  "size_t": 296,
  "size_x": 64,
  "size_y": 64,
  "size_z": 27,
  "snr": 7.244640513357457,
  "spacing_tr": 1.5199999809265137,
  "spacing_x": 3.0,
  "spacing_y": 3.0,
  "spacing_z": 4.0,
  "summary_bg_k": 23.556858370487358,
  "summary_bg_mad": 13.513719519666173,
  "summary_bg_mean": 54.537322998046875,
  "summary_bg_median": 17.648649215698242,
  "summary_bg_n": 52802.0,
  "summary_bg_p05": 6.881756782531738,
  "summary_bg_p95": 229.20303878784142,
  "summary_bg_stdv": 96.85175323486328,
  "summary_fg_k": 2.5348775857603902,
  "summary_fg_mad": 101.90637029860243,
  "summary_fg_mean": 796.4775390625,
  "summary_fg_median": 789.4662475585938,
  "summary_fg_n": 28756.0,
  "summary_fg_p05": 647.3716278076172,
  "summary_fg_p95": 971.2989959716797,
  "summary_fg_stdv": 108.9705581665039,
  "tsnr": 75.07637556316331
}