{
  "aor": 0.0006489968152866242,
  "aqi": 0.012048581226114649,
  "bids_meta": {
    "CogAtlasID": "https://www.cognitiveatlas.org/task/id/trm_4c8991fadfe01",
    "DeviceSerialNumber": "45031",
    "DwellTime": 4.9e-06,
    "EchoTime": 0.028,
    "EffectiveEchoSpacing": 0.000355001,
    "FlipAngle": 64,
    "InstitutionAddress": "Washington Rd, Princeton, NJ 08540, USA",
    "InstitutionName": "Princeton University",
    "InstitutionalDepartmentName": "Princeton Neuroscience Institute",
    "MagneticFieldStrength": 3,
    "Manufacturer": "Siemens",
    "ManufacturersModelName": "Skyra",
    "NumberOfVolumesDiscardedByScanner": 3,
    "ParallelReductionFactorInPlane": 2,
    "ParallelReductionType": "GRAPPA",
    "PartialFourier": 1,
    "PhaseEncodingDirection": "j-",
    "PixelBandwidth": 1595,
    "PulseSequenceDetails": "%SiemensSeq%_ep2d_bold",
    "PulseSequenceType": "Gradient Echo EPI",
    "ReceiveCoilActiveElements": "HE1-4",
    "ReceiveCoilName": "HeadNeck_20",
    "RepetitionTime": 1.5,
    "ScanOptions": "FS",
    "ScanningSequence": "EP",
    "SequenceName": "_epfid2d1_64",
    "SequenceVariant": "SK",
    "SliceTiming": [
      0,
      0.7675,
      0.055,
      0.8225,
      0.1075,
      0.875,
      0.1625,
      0.93,
      0.2175,
      0.985,
      0.2725,
      1.04,
      0.3275,
      1.095,
      0.3825,
      1.15,
      0.4375,
      1.205,
      0.4925,
      1.26,
      0.5475,
      1.315,
      0.6025,
      1.37,
      0.6575,
      1.425,
      0.7125
    ],
    "SoftwareVersions": "syngo_MR_D13",
    "StationName": "AWP45031",
    "TaskDescription": "Passively listened to audio story 'merlin'",
    "TaskName": "merlin",
    "TotalReadoutTime": 0.022365,
    "dataset": "ds002345",
    "modality": "bold",
    "subject_id": "163",
    "task_id": "merlin"
  },
  "dummy_trs": 0,
  "dvars_nstd": 20.760304120685802,
  "dvars_std": 1.188116920510366,
  "dvars_vstd": 0.9728344235885167,
  "efc": 0.5548013692686253,
  "fber": 2267.70068359375,
  "fd_mean": 0.10918969963144506,
  "fd_num": 41,
  "fd_perc": 6.528662420382165,
  "fwhm_avg": 1.6938905555555557,
  "fwhm_x": 1.71739,
  "fwhm_y": 1.8572566666666666,
  "fwhm_z": 1.507025,
  "gcor": 0.0289739,
  "gsr_x": 0.008265665732324123,
  "gsr_y": 0.021773621439933777,
  "provenance": {
    "md5sum": "241edac789fd17a80e7fa488710ae443",
    "settings": {
      "fd_thres": 0.2,
      "testing": false
    },
    "software": "mriqc",
    "version": "22.0.0rc1",
    "webapi_port": null,
    "webapi_url": "https://mriqc.nimh.nih.gov/api/v1"
  },
  "size_t": 628,
  "size_x": 64,
  "size_y": 64,
  "size_z": 27,
  "snr": 7.134895262590094,
  "spacing_tr": 1.5,
  "spacing_x": 3.0,
  "spacing_y": 3.0,
  "spacing_z": 4.0,
  "summary_bg_k": 54.6660858130293,
  "summary_bg_mad": 10.536390721594174,
  "summary_bg_mean": 38.641963958740234,
  "summary_bg_median": 15.675159454345703,
  "summary_bg_n": 59337.0,
  "summary_bg_p05": 6.9426751136779785,
  "summary_bg_p95": 134.43058166503886,
  "summary_bg_stdv": 75.3108139038086,
  "summary_fg_k": 1.9891725857243818,
  "summary_fg_mad": 101.61489924478123,
  "summary_fg_mean": 764.6168212890625,
  "summary_fg_median": 756.8662719726562,
  "summary_fg_n": 24141.0,
  "summary_fg_p05": 616.667236328125,
  "summary_fg_p95": 941.0222778320312,
  "summary_fg_stdv": 106.07732391357422,
  "tsnr": 64.38366833422333
}