{
  "aor": 0.0006305263157894736,
  "aqi": 0.010365065621052631,
  "bids_meta": {
    "CogAtlasID": "https://www.cognitiveatlas.org/task/id/trm_4c8991fadfe01",
    "DeviceSerialNumber": "45031",
    "DwellTime": 5.4e-06,
    "EchoTime": 0.028,
    "EffectiveEchoSpacing": 0.000390001,
    "FlipAngle": 64,
    "InstitutionAddress": "Washington Rd, Princeton, NJ 08540, USA",
    "InstitutionName": "Princeton University",
    "InstitutionalDepartmentName": "Princeton Neuroscience Institute",
    "MagneticFieldStrength": 3,
    "Manufacturer": "Siemens",
    "ManufacturersModelName": "Skyra",
    "NumberOfVolumesDiscardedByScanner": 3,
    "ParallelReductionFactorInPlane": 2,
    "ParallelReductionType": "GRAPPA",
    "PartialFourier": 1,
    "PhaseEncodingDirection": "j-",
    "PixelBandwidth": 1445,
    "PulseSequenceDetails": "%SiemensSeq%_ep2d_bold",
    "PulseSequenceType": "Gradient Echo EPI",
    "ReceiveCoilActiveElements": "HE1-4",
    "ReceiveCoilName": "HeadNeck_20",
    "RepetitionTime": 1.5,
    "ScanOptions": "FS",
    "ScanningSequence": "EP",
    "SequenceName": "_epfid2d1_64",
    "SequenceVariant": "SK",
    "SliceTiming": [
      0,
      0.7775,
      0.055,
      0.8325,
      0.11,
      0.8875,
      0.165,
      0.9425,
      0.22,
      0.9975,
      0.2775,
      1.055,
      0.3325,
      1.11,
      0.3875,
      1.165,
      0.4425,
      1.22,
      0.5,
      1.2775,
      0.555,
      1.3325,
      0.61,
      1.3875,
      0.665,
      1.4425,
      0.72
    ],
    "SoftwareVersions": "syngo_MR_D11",
    "StationName": "AWP45031",
    "TaskDescription": "Passively listened to audio story 'prettymouth'",
    "TaskName": "prettymouth",
    "TotalReadoutTime": 0.0245701,
    "dataset": "ds002345",
    "modality": "bold",
    "subject_id": "103",
    "task_id": "prettymouth"
  },
  "dummy_trs": 0,
  "dvars_nstd": 20.221243935021104,
  "dvars_std": 1.1128089709071722,
  "dvars_vstd": 0.9932455883544303,
  "efc": 0.626025194528464,
  "fber": 763.6640625,
  "fd_mean": 0.12466925305756224,
  "fd_num": 22,
  "fd_perc": 4.631578947368421,
  "fwhm_avg": 1.8617401440283645,
  "fwhm_x": 1.7630566666666667,
  "fwhm_y": 2.139206666666667,
  "fwhm_z": 1.68295709875176,
  "gcor": 0.0642443,
  "gsr_x": 0.007934726774692535,
  "gsr_y": 0.040766727179288864,
  "provenance": {
    "md5sum": "b811a2b16ad1dfe07171d1848af4855f",
    "settings": {
      "fd_thres": 0.2,
      "testing": false
    },
    "software": "mriqc",
    "version": "22.0.0rc1",
    "webapi_port": null,
    "webapi_url": "https://mriqc.nimh.nih.gov/api/v1"
  },
  "size_t": 475,
  "size_x": 64,
  "size_y": 64,
  "size_z": 27,
  "snr": 7.297756141978126,
  "spacing_tr": 1.5,
  "spacing_x": 3.0,
  "spacing_y": 3.0,
  "spacing_z": 4.000000953674316,
  "summary_bg_k": 8.120310088353065,
  "summary_bg_mad": 22.33266869296481,
  "summary_bg_mean": 63.30449676513672,
  "summary_bg_median": 25.793682098388672,
  "summary_bg_n": 53486.0,
  "summary_bg_p05": 8.530526161193848,
  "summary_bg_p95": 308.59471893310547,
  "summary_bg_stdv": 95.75785064697266,
  "summary_fg_k": 2.729177898017915,
  "summary_fg_mad": 88.38178763420972,
  "summary_fg_mean": 755.1077270507812,
  "summary_fg_median": 748.6483764648438,
  "summary_fg_n": 28740.0,
  "summary_fg_p05": 609.9496429443359,
  "summary_fg_p95": 926.2583831787109,
  "summary_fg_stdv": 102.58432006835938,
  "tsnr": 61.21938331541605
}