{
  "aor": 0.0027479461279461283,
  "aqi": 0.025646825319865323,
  "bids_meta": {
    "CogAtlasID": "https://www.cognitiveatlas.org/task/id/trm_4c8991fadfe01",
    "DeviceSerialNumber": "45031",
    "DwellTime": 5.4e-06,
    "EchoTime": 0.028,
    "EffectiveEchoSpacing": 0.000390001,
    "FlipAngle": 64,
    "InstitutionAddress": "Washington Rd, Princeton, NJ 08540, USA",
    "InstitutionName": "Princeton University",
    "InstitutionalDepartmentName": "Princeton Neuroscience Institute",
    "MagneticFieldStrength": 3,
    "Manufacturer": "Siemens",
    "ManufacturersModelName": "Skyra",
    "NumberOfVolumesDiscardedByScanner": 3,
    "ParallelReductionFactorInPlane": 2,
    "ParallelReductionType": "GRAPPA",
    "PartialFourier": 1,
    "PhaseEncodingDirection": "j-",
    "PixelBandwidth": 1445,
    "PulseSequenceDetails": "%SiemensSeq%_ep2d_bold",
    "PulseSequenceType": "Gradient Echo EPI",
    "ReceiveCoilActiveElements": "HE1-4",
    "ReceiveCoilName": "HeadNeck_20",
    "RepetitionTime": 1.5,
    "ScanOptions": "FS",
    "ScanningSequence": "EP",
    "SequenceName": "_epfid2d1_64",
    "SequenceVariant": "SK",
    "SliceTiming": [
      0,
      0.7775,
      0.055,
      0.8325,
      0.11,
      0.8875,
      0.165,
      0.9425,
      0.22,
      0.9975,
      0.2775,
      1.055,
      0.3325,
      1.11,
      0.3875,
      1.165,
      0.4425,
      1.22,
      0.5,
      1.2775,
      0.555,
      1.3325,
      0.61,
      1.3875,
      0.665,
      1.4425,
      0.72
    ],
    "SoftwareVersions": "syngo_MR_D11",
    "StationName": "AWP45031",
    "TaskDescription": "Passively listened to audio story 'milkyway'",
    "TaskName": "milkyway",
    "TotalReadoutTime": 0.0245701,
    "dataset": "ds002345",
    "modality": "bold",
    "subject_id": "103",
    "task_id": "milkyway"
  },
  "dummy_trs": 0,
  "dvars_nstd": 21.41829354016895,
  "dvars_std": 1.0279420680067566,
  "dvars_vstd": 0.9522287098310813,
  "efc": 0.6258165261010596,
  "fber": 713.6586303710938,
  "fd_mean": 0.16719255458901064,
  "fd_num": 64,
  "fd_perc": 21.54882154882155,
  "fwhm_avg": 1.922055707098077,
  "fwhm_x": 1.8806266666666664,
  "fwhm_y": 2.2971333333333335,
  "fwhm_z": 1.588407121294231,
  "gcor": 0.0263894,
  "gsr_x": 0.005446478258818388,
  "gsr_y": 0.04517406225204468,
  "provenance": {
    "md5sum": "092c614bc8447c50a6bc9806c652e3b3",
    "settings": {
      "fd_thres": 0.2,
      "testing": false
    },
    "software": "mriqc",
    "version": "22.0.0rc1",
    "webapi_port": null,
    "webapi_url": "https://mriqc.nimh.nih.gov/api/v1"
  },
  "size_t": 297,
  "size_x": 64,
  "size_y": 64,
  "size_z": 27,
  "snr": 7.285625285346148,
  "spacing_tr": 1.5,
  "spacing_x": 3.0,
  "spacing_y": 3.0,
  "spacing_z": 4.000000953674316,
  "summary_bg_k": 7.828454607766991,
  "summary_bg_mad": 24.89973032153432,
  "summary_bg_mean": 62.86260223388672,
  "summary_bg_median": 27.134679794311523,
  "summary_bg_n": 53351.0,
  "summary_bg_p05": 7.976430892944336,
  "summary_bg_p95": 293.1835021972656,
  "summary_bg_stdv": 91.50311279296875,
  "summary_fg_k": 2.6346588957158,
  "summary_fg_mad": 89.93207701454651,
  "summary_fg_mean": 753.3584594726562,
  "summary_fg_median": 746.6969604492188,
  "summary_fg_n": 28656.0,
  "summary_fg_p05": 607.8047180175781,
  "summary_fg_p95": 925.2339630126953,
  "summary_fg_stdv": 102.4872817993164,
  "tsnr": 40.27739502280019
}