{
  "bids_meta": {
    "DeviceSerialNumber": "45031",
    "DwellTime": 8.2e-06,
    "EchoTime": 0.00308,
    "FlipAngle": 9,
    "InstitutionAddress": "Washington Rd, Princeton, NJ 08540, USA",
    "InstitutionName": "Princeton University",
    "InstitutionalDepartmentName": "Princeton Neuroscience Institute",
    "InversionTime": 0.9,
    "MagneticFieldStrength": 3,
    "Manufacturer": "Siemens",
    "ManufacturersModelName": "Skyra",
    "ParallelReductionFactorInPlane": 2,
    "ParallelReductionType": "GRAPPA",
    "PartialFourier": 1,
    "PixelBandwidth": 240,
    "PulseSequenceDetails": "%SiemensSeq%_tfl",
    "PulseSequenceType": "MPRAGE",
    "ReceiveCoilActiveElements": "HE1-4",
    "ReceiveCoilName": "HeadNeck_20",
    "RepetitionTime": 2.3,
    "ScanOptions": "IR",
    "ScanningSequence": "GR_IR",
    "SequenceName": "_tfl3d1_16ns",
    "SequenceVariant": "SK_SP_MP",
    "SoftwareVersions": "syngo_MR_D11",
    "StationName": "AWP45031",
    "dataset": "ds002345",
    "modality": "T1w",
    "run_id": 2,
    "subject_id": "030"
  },
  "cjv": 0.4205441353177707,
  "cnr": 3.0638122046272205,
  "efc": 0.6209543709488285,
  "fber": 953.6958989518946,
  "fwhm_avg": 3.1885541384418965,
  "fwhm_x": 3.2747998698711447,
  "fwhm_y": 3.300759272727273,
  "fwhm_z": 2.9901032727272727,
  "icvs_csf": 0.18121541641018446,
  "icvs_gm": 0.4265470153595211,
  "icvs_wm": 0.39223756823029443,
  "inu_med": 1.2175307273864746,
  "inu_range": 0.43387279510498034,
  "provenance": {
    "md5sum": "4a59c8674120dede583f7136e3ad9950",
    "settings": {
      "testing": false
    },
    "software": "mriqc",
    "version": "21.0.0rc2",
    "warnings": {
      "large_rot_frame": true,
      "small_air_mask": false
    },
    "webapi_port": null,
    "webapi_url": "https://mriqc.nimh.nih.gov/api/v1"
  },
  "qi_1": 0.0,
  "qi_2": 0.004090011126859853,
  "rpve_csf": 20.16774452688334,
  "rpve_gm": 9.541314877930242,
  "rpve_wm": 12.696811568836756,
  "size_x": 192,
  "size_y": 256,
  "size_z": 256,
  "snr_csf": 2.617406083564752,
  "snr_gm": 8.634943767349007,
  "snr_total": 9.809962962659117,
  "snr_wm": 18.177539037063593,
  "snrd_csf": 21.89048826146346,
  "snrd_gm": 37.406337234570266,
  "snrd_total": 37.6484121442547,
  "snrd_wm": 53.64841093673036,
  "spacing_x": 0.9000000357627869,
  "spacing_y": 0.859375,
  "spacing_z": 0.859375,
  "summary_bg_k": 485.7130695378726,
  "summary_bg_mad": 12.211663916650972,
  "summary_bg_mean": 21.099921096943255,
  "summary_bg_median": 19.194957345724106,
  "summary_bg_n": 2467920.0,
  "summary_bg_p05": 2.793296031653881,
  "summary_bg_p95": 46.483310885727406,
  "summary_bg_stdv": 14.7680505507505,
  "summary_csf_k": 39.86187071347848,
  "summary_csf_mad": 96.94999266002033,
  "summary_csf_mean": 417.3395921053673,
  "summary_csf_median": 408.0360895469785,
  "summary_csf_n": 10546.0,
  "summary_csf_p05": 223.4994940198958,
  "summary_csf_p95": 596.5656659398228,
  "summary_csf_stdv": 155.88591549178565,
  "summary_gm_k": 0.4856621820944351,
  "summary_gm_mad": 74.96899761004858,
  "summary_gm_mean": 700.537298936479,
  "summary_gm_median": 697.2496632859111,
  "summary_gm_n": 23656.0,
  "summary_gm_p05": 573.4672564473003,
  "summary_gm_p95": 841.4983352795243,
  "summary_gm_stdv": 80.74574017467864,
  "summary_wm_k": 0.4124954710174542,
  "summary_wm_mad": 52.350872268773294,
  "summary_wm_mean": 998.743775701201,
  "summary_wm_median": 999.9999793320894,
  "summary_wm_n": 359372.0,
  "summary_wm_p05": 906.030635908246,
  "summary_wm_p95": 1086.735402263701,
  "summary_wm_stdv": 55.01286978265944,
  "tpm_overlap_csf": 0.15906240046024323,
  "tpm_overlap_gm": 0.4317178726196289,
  "tpm_overlap_wm": 0.4976595342159271,
  "wm2max": 0.4799752483756747
}