{
  "aor": 0.0008151851851851852,
  "aqi": 0.006464754579124579,
  "bids_meta": {
    "CogAtlasID": "https://www.cognitiveatlas.org/task/id/trm_4c8991fadfe01",
    "DeviceSerialNumber": "45031",
    "DwellTime": 5.4e-06,
    "EchoTime": 0.028,
    "EffectiveEchoSpacing": 0.000390001,
    "FlipAngle": 64,
    "InstitutionAddress": "Washington Rd, Princeton, NJ 08540, USA",
    "InstitutionName": "Princeton University",
    "InstitutionalDepartmentName": "Princeton Neuroscience Institute",
    "MagneticFieldStrength": 3,
    "Manufacturer": "Siemens",
    "ManufacturersModelName": "Skyra",
    "NumberOfVolumesDiscardedByScanner": 3,
    "ParallelReductionFactorInPlane": 2,
    "ParallelReductionType": "GRAPPA",
    "PartialFourier": 1,
    "PhaseEncodingDirection": "j-",
    "PixelBandwidth": 1445,
    "PulseSequenceDetails": "%SiemensSeq%_ep2d_bold",
    "PulseSequenceType": "Gradient Echo EPI",
    "ReceiveCoilActiveElements": "HE1-4",
    "ReceiveCoilName": "HeadNeck_20",
    "RepetitionTime": 1.5,
    "ScanOptions": "FS",
    "ScanningSequence": "EP",
    "SequenceName": "_epfid2d1_64",
    "SequenceVariant": "SK",
    "SliceTiming": [
      0,
      0.7775,
      0.055,
      0.8325,
      0.11,
      0.8875,
      0.165,
      0.9425,
      0.22,
      0.9975,
      0.2775,
      1.055,
      0.3325,
      1.11,
      0.3875,
      1.165,
      0.4425,
      1.22,
      0.5,
      1.2775,
      0.555,
      1.3325,
      0.61,
      1.3875,
      0.665,
      1.4425,
      0.72
    ],
    "SoftwareVersions": "syngo_MR_D11",
    "StationName": "AWP45031",
    "TaskDescription": "Passively listened to audio story 'milkyway'",
    "TaskName": "milkyway",
    "TotalReadoutTime": 0.0245701,
    "dataset": "ds002345",
    "modality": "bold",
    "subject_id": "111",
    "task_id": "milkyway"
  },
  "dummy_trs": 0,
  "dvars_nstd": 22.63521456067569,
  "dvars_std": 1.2965909333783776,
  "dvars_vstd": 1.0057038765878377,
  "efc": 0.6062233762245495,
  "fber": 1793.8521728515625,
  "fd_mean": 0.10030558630961299,
  "fd_num": 6,
  "fd_perc": 2.0202020202020203,
  "fwhm_avg": 1.6754841546132389,
  "fwhm_x": 1.6495733333333333,
  "fwhm_y": 1.8441268132246982,
  "fwhm_z": 1.5327523172816853,
  "gcor": 0.0383114,
  "gsr_x": -0.008201339282095432,
  "gsr_y": 0.05079995095729828,
  "provenance": {
    "md5sum": "9c847f31dc8587832b41cf4045e116a5",
    "settings": {
      "fd_thres": 0.2,
      "testing": false
    },
    "software": "mriqc",
    "version": "22.0.0rc1",
    "webapi_port": null,
    "webapi_url": "https://mriqc.nimh.nih.gov/api/v1"
  },
  "size_t": 297,
  "size_x": 64,
  "size_y": 64,
  "size_z": 27,
  "snr": 7.282269312683889,
  "spacing_tr": 1.5,
  "spacing_x": 3.0,
  "spacing_y": 2.999999761581421,
  "spacing_z": 4.000000476837158,
  "summary_bg_k": 26.826724989088678,
  "summary_bg_mad": 11.14946769889124,
  "summary_bg_mean": 43.7940559387207,
  "summary_bg_median": 16.493267059326172,
  "summary_bg_n": 53292.0,
  "summary_bg_p05": 7.27609395980835,
  "summary_bg_p95": 179.29595108032225,
  "summary_bg_stdv": 75.2357406616211,
  "summary_fg_k": 3.1481543958943883,
  "summary_fg_mad": 88.861298691086,
  "summary_fg_mean": 740.2769165039062,
  "summary_fg_median": 732.6397094726562,
  "summary_fg_n": 29091.0,
  "summary_fg_p05": 603.8400573730469,
  "summary_fg_p95": 906.1784362792969,
  "summary_fg_stdv": 100.60423278808594,
  "tsnr": 79.30107709625736
}