{
  "aor": 0.0007954887218045114,
  "aqi": 0.008668785639097744,
  "bids_meta": {
    "CogAtlasID": "https://www.cognitiveatlas.org/task/id/trm_4c8991fadfe01",
    "DeviceSerialNumber": "45031",
    "DwellTime": 5.4e-06,
    "EchoTime": 0.028,
    "EffectiveEchoSpacing": 0.000390001,
    "FlipAngle": 64,
    "InstitutionAddress": "Washington Rd, Princeton, NJ 08540, USA",
    "InstitutionName": "Princeton University",
    "InstitutionalDepartmentName": "Princeton Neuroscience Institute",
    "MagneticFieldStrength": 3,
    "Manufacturer": "Siemens",
    "ManufacturersModelName": "Skyra",
    "NumberOfVolumesDiscardedByScanner": 3,
    "ParallelReductionFactorInPlane": 2,
    "ParallelReductionType": "GRAPPA",
    "PartialFourier": 1,
    "PhaseEncodingDirection": "j-",
    "PixelBandwidth": 1445,
    "PulseSequenceDetails": "%SiemensSeq%_ep2d_bold",
    "PulseSequenceType": "Gradient Echo EPI",
    "ReceiveCoilActiveElements": "HE1-4",
    "ReceiveCoilName": "HeadNeck_20",
    "RepetitionTime": 1.5,
    "ScanOptions": "FS",
    "ScanningSequence": "EP",
    "SequenceName": "_epfid2d1_64",
    "SequenceVariant": "SK",
    "SliceTiming": [
      0,
      0.7775,
      0.055,
      0.8325,
      0.11,
      0.8875,
      0.165,
      0.9425,
      0.2225,
      1,
      0.2775,
      1.055,
      0.3325,
      1.11,
      0.3875,
      1.165,
      0.445,
      1.2225,
      0.5,
      1.2775,
      0.555,
      1.3325,
      0.61,
      1.3875,
      0.665,
      1.4425,
      0.7225
    ],
    "SoftwareVersions": "syngo_MR_D11",
    "StationName": "AWP45031",
    "TaskDescription": "Passively listened to audio story 'notthefall'",
    "TaskName": "notthefall",
    "TotalReadoutTime": 0.0245701,
    "dataset": "ds002345",
    "modality": "bold",
    "subject_id": "111",
    "task_id": "notthefall"
  },
  "dummy_trs": 1,
  "dvars_nstd": 23.001788666532697,
  "dvars_std": 1.2685241004522616,
  "dvars_vstd": 0.9957666189949758,
  "efc": 0.6043148281602696,
  "fber": 2005.7862548828125,
  "fd_mean": 0.13567200868339116,
  "fd_num": 52,
  "fd_perc": 13.032581453634085,
  "fwhm_avg": 1.703316265232129,
  "fwhm_x": 1.6642066666666666,
  "fwhm_y": 1.88978,
  "fwhm_z": 1.55596212902972,
  "gcor": 0.0381266,
  "gsr_x": -0.003399115754291415,
  "gsr_y": 0.04845588281750679,
  "provenance": {
    "md5sum": "74d0ddf8384fbf2c716de1e57d2a437b",
    "settings": {
      "fd_thres": 0.2,
      "testing": false
    },
    "software": "mriqc",
    "version": "22.0.0rc1",
    "webapi_port": null,
    "webapi_url": "https://mriqc.nimh.nih.gov/api/v1"
  },
  "size_t": 399,
  "size_x": 64,
  "size_y": 64,
  "size_z": 27,
  "snr": 7.3496213613244175,
  "spacing_tr": 1.5,
  "spacing_x": 3.0,
  "spacing_y": 3.0,
  "spacing_z": 4.000000953674316,
  "summary_bg_k": 21.995490510532676,
  "summary_bg_mad": 10.937442669730629,
  "summary_bg_mean": 43.41981887817383,
  "summary_bg_median": 15.590225219726562,
  "summary_bg_n": 53494.0,
  "summary_bg_p05": 6.521303176879883,
  "summary_bg_p95": 181.97180328369132,
  "summary_bg_stdv": 74.12943267822266,
  "summary_fg_k": 2.923080417438686,
  "summary_fg_mad": 89.41134737182247,
  "summary_fg_mean": 733.802978515625,
  "summary_fg_median": 725.2017822265625,
  "summary_fg_n": 28950.0,
  "summary_fg_p05": 599.7022491455078,
  "summary_fg_p95": 899.4992523193359,
  "summary_fg_stdv": 98.6702880859375,
  "tsnr": 70.74453569180332
}