{
  "aor": 0.0009338921161825726,
  "aqi": 0.013418416456431537,
  "bids_meta": {
    "CogAtlasID": "https://www.cognitiveatlas.org/task/id/trm_4c8991fadfe01",
    "DeviceSerialNumber": "45031",
    "DwellTime": 5.4e-06,
    "EchoTime": 0.028,
    "EffectiveEchoSpacing": 0.000390001,
    "FlipAngle": 64,
    "InstitutionAddress": "Washington Rd, Princeton, NJ 08540, USA",
    "InstitutionName": "Princeton University",
    "InstitutionalDepartmentName": "Princeton Neuroscience Institute",
    "MagneticFieldStrength": 3,
    "Manufacturer": "Siemens",
    "ManufacturersModelName": "Skyra",
    "NumberOfVolumesDiscardedByScanner": 3,
    "ParallelReductionFactorInPlane": 2,
    "ParallelReductionType": "GRAPPA",
    "PartialFourier": 1,
    "PhaseEncodingDirection": "j-",
    "PixelBandwidth": 1445,
    "PulseSequenceDetails": "%SiemensSeq%_ep2d_bold",
    "PulseSequenceType": "Gradient Echo EPI",
    "ReceiveCoilActiveElements": "HE1-4",
    "ReceiveCoilName": "HeadNeck_20",
    "RepetitionTime": 1.5,
    "ScanOptions": "FS",
    "ScanningSequence": "EP",
    "SequenceName": "_epfid2d1_64",
    "SequenceVariant": "SK",
    "SliceTiming": [
      0,
      0.7775,
      0.055,
      0.8325,
      0.11,
      0.8875,
      0.1675,
      0.945,
      0.2225,
      1,
      0.2775,
      1.055,
      0.3325,
      1.11,
      0.3875,
      1.165,
      0.445,
      1.2225,
      0.5,
      1.2775,
      0.555,
      1.3325,
      0.61,
      1.3875,
      0.6675,
      1.445,
      0.7225
    ],
    "SoftwareVersions": "syngo_MR_D11",
    "StationName": "AWP45031",
    "TaskDescription": "Passively listened to audio story 'slumlordreach'",
    "TaskName": "slumlordreach",
    "TotalReadoutTime": 0.0245701,
    "dataset": "ds002345",
    "modality": "bold",
    "subject_id": "111",
    "task_id": "slumlordreach"
  },
  "dummy_trs": 0,
  "dvars_nstd": 25.025708401320628,
  "dvars_std": 1.296994577865448,
  "dvars_vstd": 0.9895455547425253,
  "efc": 0.6055514145816211,
  "fber": 1849.1563720703125,
  "fd_mean": 0.15233162897941915,
  "fd_num": 249,
  "fd_perc": 20.66390041493776,
  "fwhm_avg": 1.7239145966910954,
  "fwhm_x": 1.6811066666666665,
  "fwhm_y": 1.91109,
  "fwhm_z": 1.5795471234066194,
  "gcor": 0.106895,
  "gsr_x": -0.005815436132252216,
  "gsr_y": 0.05273295193910599,
  "provenance": {
    "md5sum": "9a07a15e06778c8f2c96cffc42fe088d",
    "settings": {
      "fd_thres": 0.2,
      "testing": false
    },
    "software": "mriqc",
    "version": "22.0.0rc1",
    "webapi_port": null,
    "webapi_url": "https://mriqc.nimh.nih.gov/api/v1"
  },
  "size_t": 1205,
  "size_x": 64,
  "size_y": 64,
  "size_z": 27,
  "snr": 7.345622715305066,
  "spacing_tr": 1.5,
  "spacing_x": 3.0,
  "spacing_y": 3.0,
  "spacing_z": 4.000000953674316,
  "summary_bg_k": 22.229468912054056,
  "summary_bg_mad": 12.066291380473626,
  "summary_bg_mean": 44.42310333251953,
  "summary_bg_median": 16.411619186401367,
  "summary_bg_n": 53456.0,
  "summary_bg_p05": 6.555809020996094,
  "summary_bg_p95": 182.1906623840332,
  "summary_bg_stdv": 75.05375671386719,
  "summary_fg_k": 2.805355874492026,
  "summary_fg_mad": 91.32586245586319,
  "summary_fg_mean": 741.3577270507812,
  "summary_fg_median": 733.3780517578125,
  "summary_fg_n": 29040.0,
  "summary_fg_p05": 604.5768310546875,
  "summary_fg_p95": 907.1253479003906,
  "summary_fg_stdv": 99.83706665039062,
  "tsnr": 53.59945436054841
}