{
  "bids_meta": {
    "DeviceSerialNumber": "45031",
    "DwellTime": 8.2e-06,
    "EchoTime": 0.00308,
    "FlipAngle": 9,
    "InstitutionAddress": "Washington Rd, Princeton, NJ 08540, USA",
    "InstitutionName": "Princeton University",
    "InstitutionalDepartmentName": "Princeton Neuroscience Institute",
    "InversionTime": 0.9,
    "MagneticFieldStrength": 3,
    "Manufacturer": "Siemens",
    "ManufacturersModelName": "Skyra",
    "ParallelReductionFactorInPlane": 2,
    "ParallelReductionType": "GRAPPA",
    "PartialFourier": 1,
    "PixelBandwidth": 240,
    "PulseSequenceDetails": "%SiemensSeq%_tfl",
    "PulseSequenceType": "MPRAGE",
    "ReceiveCoilActiveElements": "HE1-4",
    "ReceiveCoilName": "HeadNeck_20",
    "RepetitionTime": 2.3,
    "ScanOptions": "IR",
    "ScanningSequence": "GR_IR",
    "SequenceName": "_tfl3d1_16ns",
    "SequenceVariant": "SK_SP_MP",
    "SoftwareVersions": "syngo_MR_D11",
    "StationName": "AWP45031",
    "dataset": "ds002345",
    "modality": "T1w",
    "subject_id": "060"
  },
  "cjv": 0.3883294445309031,
  "cnr": 3.383415661917559,
  "efc": 0.6086544943527346,
  "fber": 919.4139252212974,
  "fwhm_avg": 3.31100556342921,
  "fwhm_x": 3.3704331994043506,
  "fwhm_y": 3.4172276363636365,
  "fwhm_z": 3.1453558545196434,
  "icvs_csf": 0.16947519720837623,
  "icvs_gm": 0.4638097138584058,
  "icvs_wm": 0.36671508893321797,
  "inu_med": 1.5330383777618408,
  "inu_range": 0.5907529890537262,
  "provenance": {
    "md5sum": "b2640bd6b2b07b0cc2e3c49201821ea8",
    "settings": {
      "testing": false
    },
    "software": "mriqc",
    "version": "21.0.0rc2",
    "warnings": {
      "large_rot_frame": true,
      "small_air_mask": false
    },
    "webapi_port": null,
    "webapi_url": "https://mriqc.nimh.nih.gov/api/v1"
  },
  "qi_1": 0.0,
  "qi_2": 0.004656113240348559,
  "rpve_csf": 22.544497637077537,
  "rpve_gm": 9.55962665461994,
  "rpve_wm": 13.911242055867367,
  "size_x": 192,
  "size_y": 256,
  "size_z": 256,
  "snr_csf": 2.1817992951814302,
  "snr_gm": 9.781634072904895,
  "snr_total": 9.471717129671893,
  "snr_wm": 16.45171802092935,
  "snrd_csf": 21.138957641578962,
  "snrd_gm": 35.39079289275329,
  "snrd_total": 36.09899558401114,
  "snrd_wm": 51.76723621770118,
  "spacing_x": 0.9000000357627869,
  "spacing_y": 0.859375,
  "spacing_z": 0.8593749403953552,
  "summary_bg_k": 2.0885603925892404,
  "summary_bg_mad": 12.655424987063824,
  "summary_bg_mean": 20.016111888667318,
  "summary_bg_median": 17.3305741623044,
  "summary_bg_n": 3145853.0,
  "summary_bg_p05": 2.8453181460499763,
  "summary_bg_p95": 43.11088100075722,
  "summary_bg_stdv": 12.758545904455586,
  "summary_csf_k": 45.73661230640508,
  "summary_csf_mad": 129.7500642613109,
  "summary_csf_mean": 406.59543083744285,
  "summary_csf_median": 408.34626483917236,
  "summary_csf_n": 11745.0,
  "summary_csf_p05": 181.25538807958364,
  "summary_csf_p95": 595.7061536684632,
  "summary_csf_stdv": 187.1523570187043,
  "summary_gm_k": 0.4112238496000469,
  "summary_gm_mad": 65.19461356972273,
  "summary_gm_mean": 685.7761206656289,
  "summary_gm_median": 683.652350910008,
  "summary_gm_n": 44394.0,
  "summary_gm_p05": 574.1205355513841,
  "summary_gm_p95": 806.0872529521585,
  "summary_gm_stdv": 69.89063851121645,
  "summary_wm_k": 0.5160819851646203,
  "summary_wm_mad": 57.6524916077352,
  "summary_wm_mean": 997.7383156755003,
  "summary_wm_median": 999.9999956935644,
  "summary_wm_n": 297110.0,
  "summary_wm_p05": 893.5161196216941,
  "summary_wm_p95": 1092.774611607194,
  "summary_wm_stdv": 60.78382279234268,
  "tpm_overlap_csf": 0.16737069189548492,
  "tpm_overlap_gm": 0.4526437222957611,
  "tpm_overlap_wm": 0.48981973528862,
  "wm2max": 0.4825955903254283
}