{
  "bids_meta": {
    "AcquisitionMatrixPE": 256,
    "AcquisitionNumber": 1,
    "AcquisitionTime": "00:42:50.690000",
    "BaseResolution": 256,
    "BodyPartExamined": "BRAIN",
    "ConsistencyInfo": "N4_VE11C_LATEST_20160120",
    "ConversionSoftware": "dcm2niix",
    "ConversionSoftwareVersion": "v1.0.20180328 GCC6.3.0",
    "DeviceSerialNumber": "66018",
    "DwellTime": 9.8e-06,
    "EchoTime": 0.428,
    "EchoTrainLength": 175,
    "FlipAngle": 120,
    "ImageOrientationPatientDICOM": [
      0,
      1,
      0,
      0,
      0,
      -1
    ],
    "ImageType": [
      "ORIGINAL",
      "PRIMARY",
      "M",
      "ND"
    ],
    "InPlanePhaseEncodingDirectionDICOM": "ROW",
    "InstitutionAddress": "Stadium_1952_Princeton_NJ_US_08544",
    "InstitutionName": "Princeton_University",
    "InstitutionalDepartmentName": "NeuroScience",
    "MRAcquisitionType": "3D",
    "MagneticFieldStrength": 3,
    "Manufacturer": "Siemens",
    "ManufacturersModelName": "Prisma",
    "Modality": "MR",
    "ParallelReductionFactorInPlane": 2,
    "ParallelReductionType": "GRAPPA",
    "PartialFourier": 1,
    "PatientPosition": "HFS",
    "PercentPhaseFOV": 100,
    "PhaseEncodingSteps": 175,
    "PhaseResolution": 1,
    "PixelBandwidth": 200,
    "ProcedureStepDescription": "Hasson_Nastase_042518_Storyteller",
    "ProtocolName": "anat-T2w",
    "PulseSequenceDetails": "%SiemensSeq%_tse_vfl",
    "ReceiveCoilActiveElements": "HC1-7;NC1",
    "ReceiveCoilName": "HeadNeck_64",
    "ReconMatrixPE": 256,
    "RepetitionTime": 3.2,
    "SAR": 0.0412635,
    "ScanOptions": "PFP",
    "ScanningSequence": "SE",
    "SequenceName": "_spc_230ns",
    "SequenceVariant": "SK_SP",
    "SeriesDescription": "anat-T2w",
    "SeriesNumber": 14,
    "ShimSetting": [
      750,
      544,
      1964,
      573,
      -117,
      13,
      183,
      44
    ],
    "SliceThickness": 1,
    "SoftwareVersions": "syngo_MR_E11",
    "StationName": "AWP66018",
    "TxRefAmp": 221.515,
    "dataset": "ds002345",
    "modality": "T2w",
    "run_id": 3,
    "subject_id": "127"
  },
  "cjv": 0.6296491849929086,
  "cnr": 1.6504578518952706,
  "efc": 0.5037875228799792,
  "fber": 1418.7777777777778,
  "fwhm_avg": 2.4174966666666666,
  "fwhm_x": 2.57624,
  "fwhm_y": 2.13522,
  "fwhm_z": 2.54103,
  "icvs_csf": 0.36164404493667185,
  "icvs_gm": 0.1304695723002446,
  "icvs_wm": 0.5078863827630835,
  "inu_med": 1.1386523246765137,
  "inu_range": 0.42248159646987915,
  "provenance": {
    "md5sum": "2ea9c63a44ca674181f06e8bd45bc78a",
    "settings": {
      "testing": false
    },
    "software": "mriqc",
    "version": "22.0.0rc1",
    "warnings": {
      "large_rot_frame": true,
      "small_air_mask": false
    },
    "webapi_port": null,
    "webapi_url": "https://mriqc.nimh.nih.gov/api/v1"
  },
  "qi_1": 7.040937772443429e-06,
  "qi_2": 0.02166434075770827,
  "rpve_csf": 15.130780749685375,
  "rpve_gm": 46.08879577292702,
  "rpve_wm": 12.296418310173241,
  "size_x": 176,
  "size_y": 256,
  "size_z": 256,
  "snr_csf": 5.965819931136597,
  "snr_gm": 2.557355669692273,
  "snr_total": 5.21049731307759,
  "snr_wm": 7.108316338403898,
  "snrd_csf": 52.60305553650408,
  "snrd_gm": 95.95983286200311,
  "snrd_total": 60.68681778195968,
  "snrd_wm": 33.49756494737185,
  "spacing_x": 1.0,
  "spacing_y": 1.0,
  "spacing_z": 1.0,
  "summary_bg_k": 7.635116593836669,
  "summary_bg_mad": 19.560505513761285,
  "summary_bg_mean": 37.64902618470576,
  "summary_bg_median": 26.386720955371857,
  "summary_bg_n": 3732499.0,
  "summary_bg_p05": 0.0,
  "summary_bg_p95": 131.50801250338554,
  "summary_bg_stdv": 44.79067728201749,
  "summary_csf_k": 0.35840991847474823,
  "summary_csf_mad": 251.55230746729566,
  "summary_csf_mean": 1605.0947970294123,
  "summary_csf_median": 1570.5773532092571,
  "summary_csf_n": 26443.0,
  "summary_csf_p05": 1233.7920008003712,
  "summary_csf_p95": 2092.339294078946,
  "summary_csf_stdv": 263.2576366107058,
  "summary_gm_k": 0.44166020664840744,
  "summary_gm_mad": 1057.7395938570485,
  "summary_gm_mean": 2918.620494971163,
  "summary_gm_median": 2865.087185025215,
  "summary_gm_n": 8661.0,
  "summary_gm_p05": 1109.5190569460392,
  "summary_gm_p95": 4821.96045845747,
  "summary_gm_stdv": 1120.2672403235501,
  "summary_wm_k": 0.9474757266965508,
  "summary_wm_mad": 116.5217210174597,
  "summary_wm_mean": 984.851348917794,
  "summary_wm_median": 1000.1418426632881,
  "summary_wm_n": 236987.0,
  "summary_wm_p05": 703.9296203255653,
  "summary_wm_p95": 1188.6792198121548,
  "summary_wm_stdv": 140.6999470659463,
  "tpm_overlap_csf": 0.12034419924020767,
  "tpm_overlap_gm": 0.0990658774971962,
  "tpm_overlap_wm": 0.4637218713760376,
  "wm2max": 0.2196010953889339
}