{
  "bids_meta": {
    "AcquisitionMatrixPE": 256,
    "AcquisitionNumber": 1,
    "AcquisitionTime": "23:33:31.150000",
    "BaseResolution": 256,
    "BodyPartExamined": "BRAIN",
    "ConsistencyInfo": "N4_VE11C_LATEST_20160120",
    "ConversionSoftware": "dcm2niix",
    "ConversionSoftwareVersion": "v1.0.20180328 GCC6.3.0",
    "DeviceSerialNumber": "66018",
    "DwellTime": 9.8e-06,
    "EchoTime": 0.0033,
    "FlipAngle": 7,
    "ImageOrientationPatientDICOM": [
      0,
      1,
      0,
      0,
      0,
      -1
    ],
    "ImageType": [
      "ORIGINAL",
      "PRIMARY",
      "M",
      "ND",
      "NORM"
    ],
    "InPlanePhaseEncodingDirectionDICOM": "ROW",
    "InstitutionAddress": "Stadium_1952_Princeton_NJ_US_08544",
    "InstitutionName": "Princeton_University",
    "InstitutionalDepartmentName": "NeuroScience",
    "InversionTime": 1.1,
    "MRAcquisitionType": "3D",
    "MagneticFieldStrength": 3,
    "Manufacturer": "Siemens",
    "ManufacturersModelName": "Prisma",
    "Modality": "MR",
    "ParallelReductionFactorInPlane": 2,
    "PartialFourier": 1,
    "PatientPosition": "HFS",
    "PercentPhaseFOV": 100,
    "PhaseEncodingSteps": 255,
    "PhaseResolution": 1,
    "PixelBandwidth": 200,
    "ProcedureStepDescription": "Hasson_Nastase_042518_Storyteller",
    "ProtocolName": "anat-T1w",
    "PulseSequenceDetails": "%SiemensSeq%_tfl",
    "ReceiveCoilActiveElements": "HC1-7;NC1",
    "ReceiveCoilName": "HeadNeck_64",
    "ReconMatrixPE": 256,
    "RepetitionTime": 2.53,
    "SAR": 0.0335886,
    "ScanOptions": "IR",
    "ScanningSequence": "GR_IR",
    "SequenceName": "_tfl3d1_16ns",
    "SequenceVariant": "SK_SP_MP",
    "SeriesDescription": "anat-T1w",
    "SeriesNumber": 3,
    "ShimSetting": [
      751,
      542,
      1964,
      573,
      -117,
      -6,
      187,
      45
    ],
    "SliceThickness": 1,
    "SoftwareVersions": "syngo_MR_E11",
    "StationName": "AWP66018",
    "TxRefAmp": 221.515,
    "dataset": "ds002345",
    "modality": "T1w",
    "run_id": 4,
    "subject_id": "127"
  },
  "cjv": 0.38243350245833857,
  "cnr": 3.3404061933604643,
  "efc": 0.523884457157562,
  "fber": 6285.932195629552,
  "fwhm_avg": 3.265023333333333,
  "fwhm_x": 3.25641,
  "fwhm_y": 3.45532,
  "fwhm_z": 3.08334,
  "icvs_csf": 0.17932448637116202,
  "icvs_gm": 0.42600419954294133,
  "icvs_wm": 0.3946713140858967,
  "inu_med": 1.1799129247665405,
  "inu_range": 0.3986330151557922,
  "provenance": {
    "md5sum": "22bb3b6a53c84de53133f0c456bccb1c",
    "settings": {
      "testing": false
    },
    "software": "mriqc",
    "version": "22.0.0rc1",
    "warnings": {
      "large_rot_frame": true,
      "small_air_mask": false
    },
    "webapi_port": null,
    "webapi_url": "https://mriqc.nimh.nih.gov/api/v1"
  },
  "qi_1": 0.0,
  "qi_2": 0.0011762515522683052,
  "rpve_csf": 28.858580894268986,
  "rpve_gm": 13.440533124820613,
  "rpve_wm": 17.621778719989422,
  "size_x": 176,
  "size_y": 256,
  "size_z": 256,
  "snr_csf": 2.762480719089546,
  "snr_gm": 8.960738328404641,
  "snr_total": 11.173861371027153,
  "snr_wm": 21.798365065587273,
  "snrd_csf": 58.89315384328836,
  "snrd_gm": 109.1941426823454,
  "snrd_total": 108.21490863900601,
  "snrd_wm": 156.5574293913843,
  "spacing_x": 1.0,
  "spacing_y": 1.0,
  "spacing_z": 1.0,
  "summary_bg_k": 12.22386126705266,
  "summary_bg_mad": 4.184639213422956,
  "summary_bg_mean": 7.913491607374527,
  "summary_bg_median": 6.272213906049728,
  "summary_bg_n": 3612660.0,
  "summary_bg_p05": 1.4112481288611889,
  "summary_bg_p95": 19.6006684564054,
  "summary_bg_stdv": 6.296147487326005,
  "summary_csf_k": 7.1761222273694845,
  "summary_csf_mad": 151.26695823336317,
  "summary_csf_mean": 357.6915888022416,
  "summary_csf_median": 376.17602901533246,
  "summary_csf_n": 11665.0,
  "summary_csf_p05": 153.87831449508667,
  "summary_csf_p95": 545.0972031950951,
  "summary_csf_stdv": 136.1674316628218,
  "summary_gm_k": 0.2329160733015767,
  "summary_gm_mad": 73.92862610380557,
  "summary_gm_mean": 698.6964273597644,
  "summary_gm_median": 697.4701863527298,
  "summary_gm_n": 21008.0,
  "summary_gm_p05": 572.0442021889612,
  "summary_gm_p95": 831.9569061882794,
  "summary_gm_stdv": 77.83438824847332,
  "summary_wm_k": 0.8706126398078964,
  "summary_wm_mad": 41.76889881546247,
  "summary_wm_mean": 997.297155476319,
  "summary_wm_median": 999.999970421195,
  "summary_wm_n": 210811.0,
  "summary_wm_p05": 917.2590153105557,
  "summary_wm_p95": 1067.2694645635784,
  "summary_wm_stdv": 45.87488995697156,
  "tpm_overlap_csf": 0.17818012833595276,
  "tpm_overlap_gm": 0.43645811080932617,
  "tpm_overlap_wm": 0.5056398510932922,
  "wm2max": 0.5939954671054675
}