{
  "aor": 0.002405980769230769,
  "aqi": 0.0353024110576923,
  "bids_meta": {
    "CogAtlasID": "https://www.cognitiveatlas.org/task/id/trm_4c8991fadfe01",
    "DeviceSerialNumber": "45031",
    "DwellTime": 5.4e-06,
    "EchoTime": 0.028,
    "EffectiveEchoSpacing": 0.000390001,
    "FlipAngle": 64,
    "InstitutionAddress": "Washington Rd, Princeton, NJ 08540, USA",
    "InstitutionName": "Princeton University",
    "InstitutionalDepartmentName": "Princeton Neuroscience Institute",
    "MagneticFieldStrength": 3,
    "Manufacturer": "Siemens",
    "ManufacturersModelName": "Skyra",
    "NumberOfVolumesDiscardedByScanner": 3,
    "ParallelReductionFactorInPlane": 2,
    "ParallelReductionType": "GRAPPA",
    "PartialFourier": 1,
    "PhaseEncodingDirection": "j-",
    "PixelBandwidth": 1445,
    "PulseSequenceDetails": "%SiemensSeq%_ep2d_bold",
    "PulseSequenceType": "Gradient Echo EPI",
    "ReceiveCoilActiveElements": "HE1-4",
    "ReceiveCoilName": "HeadNeck_20",
    "RepetitionTime": 1.5,
    "ScanOptions": "FS",
    "ScanningSequence": "EP",
    "SequenceName": "_epfid2d1_64",
    "SequenceVariant": "SK",
    "SliceTiming": [
      0,
      0.7775,
      0.055,
      0.8325,
      0.1125,
      0.89,
      0.1675,
      0.945,
      0.2225,
      1,
      0.2775,
      1.055,
      0.3325,
      1.11,
      0.39,
      1.1675,
      0.445,
      1.2225,
      0.5,
      1.2775,
      0.555,
      1.3325,
      0.6125,
      1.39,
      0.6675,
      1.445,
      0.7225
    ],
    "SoftwareVersions": "syngo_MR_D11",
    "StationName": "AWP45031",
    "TaskDescription": "Passively listened to audio story 'tunnel'",
    "TaskName": "tunnel",
    "TotalReadoutTime": 0.0245701,
    "dataset": "ds002345",
    "modality": "bold",
    "subject_id": "026",
    "task_id": "tunnel"
  },
  "dummy_trs": 0,
  "dvars_nstd": 25.175457369624624,
  "dvars_std": 1.1379798305293545,
  "dvars_vstd": 0.9191205947160744,
  "efc": 0.6238461550370824,
  "fber": 1351.2562255859375,
  "fd_mean": 0.15317930668511007,
  "fd_num": 125,
  "fd_perc": 12.01923076923077,
  "fwhm_avg": 1.6951616666666667,
  "fwhm_x": 1.65217,
  "fwhm_y": 1.9193,
  "fwhm_z": 1.514015,
  "gcor": 0.024412,
  "gsr_x": -0.01707150600850582,
  "gsr_y": 0.06544403731822968,
  "provenance": {
    "md5sum": "91ecb8f7c4e2e29da4e75cf52d95a7fb",
    "settings": {
      "fd_thres": 0.2,
      "testing": false
    },
    "software": "mriqc",
    "version": "21.0.0rc2",
    "webapi_port": null,
    "webapi_url": "https://mriqc.nimh.nih.gov/api/v1"
  },
  "size_t": 1040,
  "size_x": 64,
  "size_y": 64,
  "size_z": 27,
  "snr": 7.381830553031057,
  "spacing_tr": 1.5,
  "spacing_x": 3.0,
  "spacing_y": 3.0,
  "spacing_z": 4.0,
  "summary_bg_k": 11.34844416991486,
  "summary_bg_mad": 13.069707743624098,
  "summary_bg_mean": 51.751983642578125,
  "summary_bg_median": 18.77644157409668,
  "summary_bg_n": 52040.0,
  "summary_bg_p05": 8.231682395935058,
  "summary_bg_p95": 220.9355293273925,
  "summary_bg_stdv": 79.80709838867188,
  "summary_fg_k": 2.8407033822140324,
  "summary_fg_mad": 86.74797519188068,
  "summary_fg_mean": 721.9898681640625,
  "summary_fg_median": 714.6317138671875,
  "summary_fg_n": 29971.0,
  "summary_fg_p05": 587.1499938964844,
  "summary_fg_p95": 884.9721374511719,
  "summary_fg_stdv": 96.80793762207031,
  "tsnr": 39.718298740219325
}