{
  "aor": 0.0008034333333333334,
  "aqi": 0.0065212118,
  "bids_meta": {
    "CogAtlasID": "https://www.cognitiveatlas.org/task/id/trm_4c8991fadfe01",
    "DeviceSerialNumber": "45031",
    "DwellTime": 5.4e-06,
    "EchoTime": 0.028,
    "EffectiveEchoSpacing": 0.000390001,
    "FlipAngle": 64,
    "InstitutionAddress": "Washington Rd, Princeton, NJ 08540, USA",
    "InstitutionName": "Princeton University",
    "InstitutionalDepartmentName": "Princeton Neuroscience Institute",
    "MagneticFieldStrength": 3,
    "Manufacturer": "Siemens",
    "ManufacturersModelName": "Skyra",
    "NumberOfVolumesDiscardedByScanner": 3,
    "ParallelReductionFactorInPlane": 2,
    "ParallelReductionType": "GRAPPA",
    "PartialFourier": 1,
    "PhaseEncodingDirection": "j-",
    "PixelBandwidth": 1445,
    "PulseSequenceDetails": "%SiemensSeq%_ep2d_bold",
    "PulseSequenceType": "Gradient Echo EPI",
    "ReceiveCoilActiveElements": "HE1-4",
    "ReceiveCoilName": "HeadNeck_20",
    "RepetitionTime": 1.5,
    "ScanOptions": "FS",
    "ScanningSequence": "EP",
    "SequenceName": "_epfid2d1_64",
    "SequenceVariant": "SK",
    "SliceTiming": [
      0,
      0.7775,
      0.055,
      0.8325,
      0.11,
      0.89,
      0.1675,
      0.945,
      0.2225,
      1,
      0.2775,
      1.055,
      0.3325,
      1.11,
      0.39,
      1.1675,
      0.445,
      1.2225,
      0.5,
      1.2775,
      0.555,
      1.3325,
      0.61,
      1.3875,
      0.6675,
      1.445,
      0.7225
    ],
    "SoftwareVersions": "syngo_MR_D11",
    "StationName": "AWP45031",
    "TaskDescription": "Passively listened to audio story 'pieman'",
    "TaskName": "pieman",
    "TotalReadoutTime": 0.0245701,
    "dataset": "ds002345",
    "modality": "bold",
    "subject_id": "026",
    "task_id": "pieman"
  },
  "dummy_trs": 0,
  "dvars_nstd": 25.082415775484964,
  "dvars_std": 1.3274561283277595,
  "dvars_vstd": 1.0016108400000008,
  "efc": 0.6218776171704377,
  "fber": 1363.9854736328125,
  "fd_mean": 0.10130057886400602,
  "fd_num": 17,
  "fd_perc": 5.666666666666667,
  "fwhm_avg": 1.6738986111111112,
  "fwhm_x": 1.6195833333333332,
  "fwhm_y": 1.8702699999999999,
  "fwhm_z": 1.5318425,
  "gcor": 0.0423954,
  "gsr_x": -0.01705736480653286,
  "gsr_y": 0.06154215335845947,
  "provenance": {
    "md5sum": "f082f81ac493fd39aa86216cddcae128",
    "settings": {
      "fd_thres": 0.2,
      "testing": false
    },
    "software": "mriqc",
    "version": "21.0.0rc2",
    "webapi_port": null,
    "webapi_url": "https://mriqc.nimh.nih.gov/api/v1"
  },
  "size_t": 300,
  "size_x": 64,
  "size_y": 64,
  "size_z": 27,
  "snr": 7.24723928469252,
  "spacing_tr": 1.5,
  "spacing_x": 3.0,
  "spacing_y": 3.0,
  "spacing_z": 4.0,
  "summary_bg_k": 11.809315722207325,
  "summary_bg_mad": 12.355019430159787,
  "summary_bg_mean": 49.563236236572266,
  "summary_bg_median": 18.336668014526367,
  "summary_bg_n": 52083.0,
  "summary_bg_p05": 8.177000522613527,
  "summary_bg_p95": 213.72234191894526,
  "summary_bg_stdv": 77.05961608886719,
  "summary_fg_k": 3.0169014756799832,
  "summary_fg_mad": 86.97194006558684,
  "summary_fg_mean": 717.9086303710938,
  "summary_fg_median": 710.3516845703125,
  "summary_fg_n": 29918.0,
  "summary_fg_p05": 583.4491790771484,
  "summary_fg_p95": 880.3610443115234,
  "summary_fg_stdv": 98.01522827148438,
  "tsnr": 76.38864812999964
}