{
  "aor": 0.002403297297297297,
  "aqi": 0.00889741991891892,
  "bids_meta": {
    "CogAtlasID": "https://www.cognitiveatlas.org/task/id/trm_4c8991fadfe01",
    "DeviceSerialNumber": "45031",
    "DwellTime": 5.4e-06,
    "EchoTime": 0.028,
    "EffectiveEchoSpacing": 0.000390001,
    "FlipAngle": 64,
    "InstitutionAddress": "Washington Rd, Princeton, NJ 08540, USA",
    "InstitutionName": "Princeton University",
    "InstitutionalDepartmentName": "Princeton Neuroscience Institute",
    "MagneticFieldStrength": 3,
    "Manufacturer": "Siemens",
    "ManufacturersModelName": "Skyra",
    "NumberOfVolumesDiscardedByScanner": 3,
    "ParallelReductionFactorInPlane": 2,
    "ParallelReductionType": "GRAPPA",
    "PartialFourier": 1,
    "PhaseEncodingDirection": "j-",
    "PixelBandwidth": 1445,
    "PulseSequenceDetails": "%SiemensSeq%_ep2d_bold",
    "PulseSequenceType": "Gradient Echo EPI",
    "ReceiveCoilActiveElements": "HE1-4",
    "ReceiveCoilName": "HeadNeck_20",
    "RepetitionTime": 1.5,
    "ScanOptions": "FS",
    "ScanningSequence": "EP",
    "SequenceName": "_epfid2d1_64",
    "SequenceVariant": "SK",
    "SliceTiming": [
      0,
      0.7775,
      0.0575,
      0.835,
      0.1125,
      0.89,
      0.1675,
      0.945,
      0.2225,
      1,
      0.28,
      1.0575,
      0.335,
      1.1125,
      0.39,
      1.1675,
      0.445,
      1.2225,
      0.5,
      1.2775,
      0.5575,
      1.335,
      0.6125,
      1.39,
      0.6675,
      1.445,
      0.7225
    ],
    "SoftwareVersions": "syngo_MR_D11",
    "StationName": "AWP45031",
    "TaskDescription": "Passively listened to audio story 'lucy'",
    "TaskName": "lucy",
    "TotalReadoutTime": 0.0245701,
    "dataset": "ds002345",
    "modality": "bold",
    "subject_id": "026",
    "task_id": "lucy"
  },
  "dummy_trs": 0,
  "dvars_nstd": 27.43404220937672,
  "dvars_std": 1.2906337816531162,
  "dvars_vstd": 1.0146391019512198,
  "efc": 0.6198896094838473,
  "fber": 1588.169189453125,
  "fd_mean": 0.18014206731967658,
  "fd_num": 107,
  "fd_perc": 28.91891891891892,
  "fwhm_avg": 1.7517466472572656,
  "fwhm_x": 1.6770100000000001,
  "fwhm_y": 1.9527166666666667,
  "fwhm_z": 1.6255132751051307,
  "gcor": 0.0706632,
  "gsr_x": -0.018281908705830574,
  "gsr_y": 0.06595812737941742,
  "provenance": {
    "md5sum": "90342c0d0392ee5d94d4b66cb8ceccad",
    "settings": {
      "fd_thres": 0.2,
      "testing": false
    },
    "software": "mriqc",
    "version": "21.0.0rc2",
    "webapi_port": null,
    "webapi_url": "https://mriqc.nimh.nih.gov/api/v1"
  },
  "size_t": 370,
  "size_x": 64,
  "size_y": 64,
  "size_z": 27,
  "snr": 6.930127734529076,
  "spacing_tr": 1.5,
  "spacing_x": 3.0,
  "spacing_y": 3.0,
  "spacing_z": 3.999998092651367,
  "summary_bg_k": 17.43242759033699,
  "summary_bg_mad": 11.119515224872357,
  "summary_bg_mean": 48.148826599121094,
  "summary_bg_median": 16.41351318359375,
  "summary_bg_n": 51799.0,
  "summary_bg_p05": 7.343243598937988,
  "summary_bg_p95": 206.81757354736325,
  "summary_bg_stdv": 81.69221496582031,
  "summary_fg_k": 2.357034035404083,
  "summary_fg_mad": 90.78332451634594,
  "summary_fg_mean": 703.2307739257812,
  "summary_fg_median": 692.2391967773438,
  "summary_fg_n": 30020.0,
  "summary_fg_p05": 568.6744445800781,
  "summary_fg_p95": 877.9419036865235,
  "summary_fg_stdv": 99.88671112060547,
  "tsnr": 64.52184154302813
}