{
  "aor": 0.003385557692307692,
  "aqi": 0.02005287006730769,
  "bids_meta": {
    "CogAtlasID": "https://www.cognitiveatlas.org/task/id/trm_4c8991fadfe01",
    "DeviceSerialNumber": "45031",
    "DwellTime": 5.4e-06,
    "EchoTime": 0.028,
    "EffectiveEchoSpacing": 0.000390001,
    "FlipAngle": 64,
    "InstitutionAddress": "Washington Rd, Princeton, NJ 08540, USA",
    "InstitutionName": "Princeton University",
    "InstitutionalDepartmentName": "Princeton Neuroscience Institute",
    "MagneticFieldStrength": 3,
    "Manufacturer": "Siemens",
    "ManufacturersModelName": "Skyra",
    "NumberOfVolumesDiscardedByScanner": 3,
    "ParallelReductionFactorInPlane": 2,
    "ParallelReductionType": "GRAPPA",
    "PartialFourier": 1,
    "PhaseEncodingDirection": "j-",
    "PixelBandwidth": 1445,
    "PulseSequenceDetails": "%SiemensSeq%_ep2d_bold",
    "PulseSequenceType": "Gradient Echo EPI",
    "ReceiveCoilActiveElements": "HE1-4",
    "ReceiveCoilName": "HeadNeck_20",
    "RepetitionTime": 1.5,
    "ScanOptions": "FS",
    "ScanningSequence": "EP",
    "SequenceName": "_epfid2d1_64",
    "SequenceVariant": "SK",
    "SliceTiming": [
      0,
      0.7775,
      0.055,
      0.8325,
      0.1125,
      0.89,
      0.1675,
      0.945,
      0.2225,
      1,
      0.2775,
      1.055,
      0.3325,
      1.11,
      0.39,
      1.1675,
      0.445,
      1.2225,
      0.5,
      1.2775,
      0.555,
      1.3325,
      0.6125,
      1.39,
      0.6675,
      1.445,
      0.7225
    ],
    "SoftwareVersions": "syngo_MR_D11",
    "StationName": "AWP45031",
    "TaskDescription": "Passively listened to audio story 'tunnel'",
    "TaskName": "tunnel",
    "TotalReadoutTime": 0.0245701,
    "dataset": "ds002345",
    "modality": "bold",
    "subject_id": "056",
    "task_id": "tunnel"
  },
  "dummy_trs": 0,
  "dvars_nstd": 25.22232086135705,
  "dvars_std": 1.2774007797016347,
  "dvars_vstd": 1.005619503262751,
  "efc": 0.5889609787221138,
  "fber": 1665.3306884765625,
  "fd_mean": 0.12535225862479393,
  "fd_num": 82,
  "fd_perc": 7.884615384615385,
  "fwhm_avg": 1.773905503480148,
  "fwhm_x": 1.7043066666666666,
  "fwhm_y": 1.9945566666666668,
  "fwhm_z": 1.62285317710711,
  "gcor": 0.0852088,
  "gsr_x": -0.01592368073761463,
  "gsr_y": 0.051965050399303436,
  "provenance": {
    "md5sum": "ba69be6db3940d75a60c5d0398a7ee53",
    "settings": {
      "fd_thres": 0.2,
      "testing": false
    },
    "software": "mriqc",
    "version": "21.0.0rc2",
    "webapi_port": null,
    "webapi_url": "https://mriqc.nimh.nih.gov/api/v1"
  },
  "size_t": 1040,
  "size_x": 64,
  "size_y": 64,
  "size_z": 27,
  "snr": 6.660523523547173,
  "spacing_tr": 1.5,
  "spacing_x": 3.0,
  "spacing_y": 3.0,
  "spacing_z": 3.9999983310699463,
  "summary_bg_k": 18.405504191239384,
  "summary_bg_mad": 12.865851635283166,
  "summary_bg_mean": 50.06254196166992,
  "summary_bg_median": 17.3355770111084,
  "summary_bg_n": 56107.0,
  "summary_bg_p05": 7.347115516662598,
  "summary_bg_p95": 222.88298492431605,
  "summary_bg_stdv": 89.72978973388672,
  "summary_fg_k": 1.602809363608129,
  "summary_fg_mad": 104.86695970185241,
  "summary_fg_mean": 761.6390991210938,
  "summary_fg_median": 750.9326782226562,
  "summary_fg_n": 26361.0,
  "summary_fg_p05": 602.6856079101562,
  "summary_fg_p95": 956.689453125,
  "summary_fg_stdv": 112.74165344238281,
  "tsnr": 46.511956271133386
}