{
  "aor": 0.0003279333333333333,
  "aqi": 0.009200194733333333,
  "bids_meta": {
    "CogAtlasID": "https://www.cognitiveatlas.org/task/id/trm_4c8991fadfe01",
    "DeviceSerialNumber": "45031",
    "DwellTime": 5.4e-06,
    "EchoTime": 0.028,
    "EffectiveEchoSpacing": 0.000390001,
    "FlipAngle": 64,
    "InstitutionAddress": "Washington Rd, Princeton, NJ 08540, USA",
    "InstitutionName": "Princeton University",
    "InstitutionalDepartmentName": "Princeton Neuroscience Institute",
    "MagneticFieldStrength": 3,
    "Manufacturer": "Siemens",
    "ManufacturersModelName": "Skyra",
    "NumberOfVolumesDiscardedByScanner": 3,
    "ParallelReductionFactorInPlane": 2,
    "ParallelReductionType": "GRAPPA",
    "PartialFourier": 1,
    "PhaseEncodingDirection": "j-",
    "PixelBandwidth": 1445,
    "PulseSequenceDetails": "%SiemensSeq%_ep2d_bold",
    "PulseSequenceType": "Gradient Echo EPI",
    "ReceiveCoilActiveElements": "HE1-4",
    "ReceiveCoilName": "HeadNeck_20",
    "RepetitionTime": 1.5,
    "ScanOptions": "FS",
    "ScanningSequence": "EP",
    "SequenceName": "_epfid2d1_64",
    "SequenceVariant": "SK",
    "SliceTiming": [
      0,
      0.7775,
      0.055,
      0.8325,
      0.11,
      0.89,
      0.1675,
      0.945,
      0.2225,
      1,
      0.2775,
      1.055,
      0.3325,
      1.11,
      0.39,
      1.1675,
      0.445,
      1.2225,
      0.5,
      1.2775,
      0.555,
      1.3325,
      0.61,
      1.3875,
      0.6675,
      1.445,
      0.7225
    ],
    "SoftwareVersions": "syngo_MR_D11",
    "StationName": "AWP45031",
    "TaskDescription": "Passively listened to audio story 'pieman'",
    "TaskName": "pieman",
    "TotalReadoutTime": 0.0245701,
    "dataset": "ds002345",
    "modality": "bold",
    "subject_id": "056",
    "task_id": "pieman"
  },
  "dummy_trs": 0,
  "dvars_nstd": 31.582787689163872,
  "dvars_std": 1.2049084885284282,
  "dvars_vstd": 0.983488559632107,
  "efc": 0.5898537458230619,
  "fber": 1663.204345703125,
  "fd_mean": 0.2311491796613504,
  "fd_num": 185,
  "fd_perc": 61.666666666666664,
  "fwhm_avg": 1.7775684186784784,
  "fwhm_x": 1.7112566666666666,
  "fwhm_y": 2.007206666666667,
  "fwhm_z": 1.6142419227021017,
  "gcor": 0.0271202,
  "gsr_x": -0.014948554337024689,
  "gsr_y": 0.05547446012496948,
  "provenance": {
    "md5sum": "1a774fe2a3e44650c98b7af12da874f4",
    "settings": {
      "fd_thres": 0.2,
      "testing": false
    },
    "software": "mriqc",
    "version": "21.0.0rc2",
    "webapi_port": null,
    "webapi_url": "https://mriqc.nimh.nih.gov/api/v1"
  },
  "size_t": 300,
  "size_x": 64,
  "size_y": 64,
  "size_z": 27,
  "snr": 6.44269779549768,
  "spacing_tr": 1.5,
  "spacing_x": 3.0,
  "spacing_y": 3.0,
  "spacing_z": 4.000001430511475,
  "summary_bg_k": 17.692184536425437,
  "summary_bg_mad": 12.997480485773526,
  "summary_bg_mean": 52.29774475097656,
  "summary_bg_median": 17.523334503173828,
  "summary_bg_n": 56097.0,
  "summary_bg_p05": 7.363333702087402,
  "summary_bg_p95": 243.15867309570237,
  "summary_bg_stdv": 96.0251693725586,
  "summary_fg_k": 1.842804239808407,
  "summary_fg_mad": 108.8131302856965,
  "summary_fg_mean": 770.3627319335938,
  "summary_fg_median": 757.538330078125,
  "summary_fg_n": 26366.0,
  "summary_fg_p05": 607.7150268554688,
  "summary_fg_p95": 972.1566772460938,
  "summary_fg_stdv": 117.57868957519531,
  "tsnr": 60.316816018894315
}