{
  "aor": 0.000758918918918919,
  "aqi": 0.007531794358108108,
  "bids_meta": {
    "CogAtlasID": "https://www.cognitiveatlas.org/task/id/trm_4c8991fadfe01",
    "DeviceSerialNumber": "45031",
    "DwellTime": 5.4e-06,
    "EchoTime": 0.028,
    "EffectiveEchoSpacing": 0.000390001,
    "FlipAngle": 64,
    "InstitutionAddress": "Washington Rd, Princeton, NJ 08540, USA",
    "InstitutionName": "Princeton University",
    "InstitutionalDepartmentName": "Princeton Neuroscience Institute",
    "MagneticFieldStrength": 3,
    "Manufacturer": "Siemens",
    "ManufacturersModelName": "Skyra",
    "NumberOfVolumesDiscardedByScanner": 3,
    "ParallelReductionFactorInPlane": 2,
    "ParallelReductionType": "GRAPPA",
    "PartialFourier": 1,
    "PhaseEncodingDirection": "j-",
    "PixelBandwidth": 1445,
    "PulseSequenceDetails": "%SiemensSeq%_ep2d_bold",
    "PulseSequenceType": "Gradient Echo EPI",
    "ReceiveCoilActiveElements": "HE1-4",
    "ReceiveCoilName": "HeadNeck_20",
    "RepetitionTime": 1.52,
    "ScanOptions": "FS",
    "ScanningSequence": "EP",
    "SequenceName": "_epfid2d1_64",
    "SequenceVariant": "SK",
    "SliceTiming": [
      0,
      0.7775,
      0.0575,
      0.835,
      0.1125,
      0.89,
      0.1675,
      0.945,
      0.2225,
      1,
      0.2775,
      1.055,
      0.335,
      1.1125,
      0.39,
      1.1675,
      0.445,
      1.2225,
      0.5,
      1.2775,
      0.5575,
      1.335,
      0.6125,
      1.39,
      0.6675,
      1.445,
      0.7225
    ],
    "SoftwareVersions": "syngo_MR_E11",
    "StationName": "AWP45031",
    "TaskDescription": "Passively listened to audio story 'milkyway'",
    "TaskName": "milkyway",
    "TotalReadoutTime": 0.0245701,
    "dataset": "ds002345",
    "modality": "bold",
    "subject_id": "119",
    "task_id": "milkyway"
  },
  "dummy_trs": 1,
  "dvars_nstd": 19.505949731457655,
  "dvars_std": 1.1259379203389823,
  "dvars_vstd": 0.9857024191525421,
  "efc": 0.5849732688142255,
  "fber": 1636.0380859375,
  "fd_mean": 0.08279444575913836,
  "fd_num": 12,
  "fd_perc": 4.054054054054054,
  "fwhm_avg": 1.7788611111111112,
  "fwhm_x": 1.75268,
  "fwhm_y": 1.9854633333333334,
  "fwhm_z": 1.59844,
  "gcor": 0.0129779,
  "gsr_x": 0.008953288197517395,
  "gsr_y": 0.03703206032514572,
  "provenance": {
    "md5sum": "0c6f943f3146800e936b3f555e2f29ea",
    "settings": {
      "fd_thres": 0.2,
      "testing": false
    },
    "software": "mriqc",
    "version": "22.0.0rc1",
    "webapi_port": null,
    "webapi_url": "https://mriqc.nimh.nih.gov/api/v1"
  },
  "size_t": 296,
  "size_x": 64,
  "size_y": 64,
  "size_z": 27,
  "snr": 7.302900262518073,
  "spacing_tr": 1.5199999809265137,
  "spacing_x": 3.0,
  "spacing_y": 3.0,
  "spacing_z": 4.0,
  "summary_bg_k": 17.710506580949325,
  "summary_bg_mad": 14.034632971945642,
  "summary_bg_mean": 54.290767669677734,
  "summary_bg_median": 17.902027130126953,
  "summary_bg_n": 57657.0,
  "summary_bg_p05": 6.922297477722168,
  "summary_bg_p95": 250.64662780761657,
  "summary_bg_stdv": 92.24198913574219,
  "summary_fg_k": 3.148063072699106,
  "summary_fg_mad": 90.6390820885934,
  "summary_fg_mean": 763.712646484375,
  "summary_fg_median": 755.920654296875,
  "summary_fg_n": 24856.0,
  "summary_fg_p05": 619.5481414794922,
  "summary_fg_p95": 933.7939300537109,
  "summary_fg_stdv": 103.507568359375,
  "tsnr": 73.66150079481304
}