{
  "aor": 0.00240120253164557,
  "aqi": 0.003758613575949367,
  "bids_meta": {
    "CogAtlasID": "https://www.cognitiveatlas.org/task/id/trm_4c8991fadfe01",
    "DeviceSerialNumber": "66018",
    "DwellTime": 4.2e-06,
    "EchoTime": 0.039,
    "EffectiveEchoSpacing": 0.000929976,
    "FlipAngle": 50,
    "InstitutionAddress": "Washington Rd, Princeton, NJ 08540, USA",
    "InstitutionName": "Princeton University",
    "InstitutionalDepartmentName": "Princeton Neuroscience Institute",
    "MagneticFieldStrength": 3,
    "Manufacturer": "Siemens",
    "ManufacturersModelName": "Prisma",
    "NumberOfVolumesDiscardedByScanner": 3,
    "ParallelReductionType": "GRAPPA",
    "PartialFourier": 0.75,
    "PhaseEncodingDirection": "j-",
    "PixelBandwidth": 1240,
    "PulseSequenceDetails": "%CustomerSeq%_ep2d_bold_sms_mgh_v22",
    "PulseSequenceType": "Gradient Echo EPI",
    "ReceiveCoilActiveElements": "HC1-7;NC1,2",
    "ReceiveCoilName": "HeadNeck_64",
    "RepetitionTime": 1.5,
    "ScanOptions": "PFP_FS",
    "ScanningSequence": "EP",
    "SequenceName": "epfSM2d1_96",
    "SequenceVariant": "SK",
    "SliceTiming": [
      0.6925,
      0,
      0.79,
      0.1,
      0.8875,
      0.1975,
      0.9875,
      0.2975,
      1.085,
      0.395,
      1.185,
      0.495,
      1.2825,
      0.5925,
      1.3825,
      0.6925,
      0,
      0.79,
      0.1,
      0.8875,
      0.1975,
      0.9875,
      0.2975,
      1.085,
      0.395,
      1.185,
      0.495,
      1.2825,
      0.5925,
      1.3825,
      0.6925,
      0,
      0.79,
      0.1,
      0.8875,
      0.1975,
      0.9875,
      0.2975,
      1.085,
      0.395,
      1.185,
      0.495,
      1.2825,
      0.5925,
      1.3825,
      0.6925,
      0,
      0.79,
      0.1,
      0.8875,
      0.1975,
      0.9875,
      0.2975,
      1.085,
      0.395,
      1.185,
      0.495,
      1.2825,
      0.5925,
      1.3825
    ],
    "SoftwareVersions": "syngo_MR_D13D",
    "StationName": "AWP66018",
    "TaskDescription": "Passively listened to audio story 'shapessocial'",
    "TaskName": "shapessocial",
    "TotalReadoutTime": 0.0883478,
    "dataset": "ds002345",
    "modality": "bold",
    "subject_id": "215",
    "task_id": "shapessocial"
  },
  "dummy_trs": 0,
  "dvars_nstd": 33.12049173003175,
  "dvars_std": 1.1527701777142858,
  "dvars_vstd": 1.0245279820952384,
  "efc": 0.6046904086536644,
  "fber": 273.99078369140625,
  "fd_mean": 0.1186268681509289,
  "fd_num": 25,
  "fd_perc": 7.9113924050632916,
  "fwhm_avg": 2.99631,
  "fwhm_x": 2.85018,
  "fwhm_y": 3.077705,
  "fwhm_z": 3.061045,
  "gcor": 0.0152293,
  "gsr_x": -0.01331758126616478,
  "gsr_y": 0.07291769981384277,
  "provenance": {
    "md5sum": "7d47490cbdd2e79ecd2a5f5f466acbf0",
    "settings": {
      "fd_thres": 0.2,
      "testing": false
    },
    "software": "mriqc",
    "version": "22.0.0rc1",
    "webapi_port": null,
    "webapi_url": "https://mriqc.nimh.nih.gov/api/v1"
  },
  "size_t": 316,
  "size_x": 96,
  "size_y": 96,
  "size_z": 60,
  "snr": 2.0988929007377775,
  "spacing_tr": 1.5,
  "spacing_x": 2.0,
  "spacing_y": 2.0,
  "spacing_z": 2.0,
  "summary_bg_k": 27.563221961572836,
  "summary_bg_mad": 8.717323697934816,
  "summary_bg_mean": 56.4411735534668,
  "summary_bg_median": 31.43037986755371,
  "summary_bg_n": 300498.0,
  "summary_bg_p05": 24.639240264892578,
  "summary_bg_p95": 177.7799118041989,
  "summary_bg_stdv": 65.33711242675781,
  "summary_fg_k": 4.390885065979983,
  "summary_fg_mad": 210.088462585596,
  "summary_fg_mean": 593.8394775390625,
  "summary_fg_median": 540.8259887695312,
  "summary_fg_n": 162437.0,
  "summary_fg_p05": 289.77215576171875,
  "summary_fg_p95": 1075.0677734374992,
  "summary_fg_stdv": 257.6712341308594,
  "tsnr": 46.56500351103023
}