{
  "aor": 0.00046097297297297295,
  "aqi": 0.007378646378378378,
  "bids_meta": {
    "CogAtlasID": "https://www.cognitiveatlas.org/task/id/trm_4c8991fadfe01",
    "DeviceSerialNumber": "45031",
    "DwellTime": 5.4e-06,
    "EchoTime": 0.028,
    "EffectiveEchoSpacing": 0.000390001,
    "FlipAngle": 64,
    "InstitutionAddress": "Washington Rd, Princeton, NJ 08540, USA",
    "InstitutionName": "Princeton University",
    "InstitutionalDepartmentName": "Princeton Neuroscience Institute",
    "MagneticFieldStrength": 3,
    "Manufacturer": "Siemens",
    "ManufacturersModelName": "Skyra",
    "NumberOfVolumesDiscardedByScanner": 3,
    "ParallelReductionFactorInPlane": 2,
    "ParallelReductionType": "GRAPPA",
    "PartialFourier": 1,
    "PhaseEncodingDirection": "j-",
    "PixelBandwidth": 1445,
    "PulseSequenceDetails": "%SiemensSeq%_ep2d_bold",
    "PulseSequenceType": "Gradient Echo EPI",
    "ReceiveCoilActiveElements": "HE1-4",
    "ReceiveCoilName": "HeadNeck_20",
    "RepetitionTime": 1.5,
    "ScanOptions": "FS",
    "ScanningSequence": "EP",
    "SequenceName": "_epfid2d1_64",
    "SequenceVariant": "SK",
    "SliceTiming": [
      0,
      0.7775,
      0.0575,
      0.835,
      0.1125,
      0.89,
      0.1675,
      0.945,
      0.2225,
      1,
      0.28,
      1.0575,
      0.335,
      1.1125,
      0.39,
      1.1675,
      0.445,
      1.2225,
      0.5,
      1.2775,
      0.5575,
      1.335,
      0.6125,
      1.39,
      0.6675,
      1.445,
      0.7225
    ],
    "SoftwareVersions": "syngo_MR_D11",
    "StationName": "AWP45031",
    "TaskDescription": "Passively listened to audio story 'lucy'",
    "TaskName": "lucy",
    "TotalReadoutTime": 0.0245701,
    "dataset": "ds002345",
    "modality": "bold",
    "subject_id": "058",
    "task_id": "lucy"
  },
  "dummy_trs": 0,
  "dvars_nstd": 20.38278994802167,
  "dvars_std": 1.204313818292683,
  "dvars_vstd": 0.9858692509214092,
  "efc": 0.5776868151269792,
  "fber": 2262.080322265625,
  "fd_mean": 0.10730471569850031,
  "fd_num": 16,
  "fd_perc": 4.324324324324325,
  "fwhm_avg": 1.7701379266126596,
  "fwhm_x": 1.6977766666666667,
  "fwhm_y": 1.9901600000000002,
  "fwhm_z": 1.622477113171312,
  "gcor": 0.0363947,
  "gsr_x": -0.018643543124198914,
  "gsr_y": 0.04767446219921112,
  "provenance": {
    "md5sum": "a3272d488a4a93b61095e628df4b21e6",
    "settings": {
      "fd_thres": 0.2,
      "testing": false
    },
    "software": "mriqc",
    "version": "21.0.0rc2",
    "webapi_port": null,
    "webapi_url": "https://mriqc.nimh.nih.gov/api/v1"
  },
  "size_t": 370,
  "size_x": 64,
  "size_y": 64,
  "size_z": 27,
  "snr": 6.944846000861721,
  "spacing_tr": 1.5,
  "spacing_x": 3.0,
  "spacing_y": 3.0,
  "spacing_z": 4.000000953674316,
  "summary_bg_k": 45.0291950880995,
  "summary_bg_mad": 9.494664912290727,
  "summary_bg_mean": 36.339759826660156,
  "summary_bg_median": 14.77297306060791,
  "summary_bg_n": 55974.0,
  "summary_bg_p05": 6.77297306060791,
  "summary_bg_p95": 119.740950012207,
  "summary_bg_stdv": 72.01959991455078,
  "summary_fg_k": 2.2762149402018137,
  "summary_fg_mad": 100.20188449612614,
  "summary_fg_mean": 739.5982055664062,
  "summary_fg_median": 732.578369140625,
  "summary_fg_n": 26874.0,
  "summary_fg_p05": 590.5271881103515,
  "summary_fg_p95": 911.358657836914,
  "summary_fg_stdv": 105.48322296142578,
  "tsnr": 74.8778746862663
}