{
  "aor": 0.001810825396825397,
  "aqi": 0.009963345238095238,
  "bids_meta": {
    "CogAtlasID": "https://www.cognitiveatlas.org/task/id/trm_4c8991fadfe01",
    "DeviceSerialNumber": "66018",
    "DwellTime": 4.2e-06,
    "EchoTime": 0.039,
    "EffectiveEchoSpacing": 0.000929976,
    "FlipAngle": 50,
    "InstitutionAddress": "Washington Rd, Princeton, NJ 08540, USA",
    "InstitutionName": "Princeton University",
    "InstitutionalDepartmentName": "Princeton Neuroscience Institute",
    "MagneticFieldStrength": 3,
    "Manufacturer": "Siemens",
    "ManufacturersModelName": "Prisma",
    "NumberOfVolumesDiscardedByScanner": 3,
    "ParallelReductionType": "GRAPPA",
    "PartialFourier": 0.75,
    "PhaseEncodingDirection": "j-",
    "PixelBandwidth": 1240,
    "PulseSequenceDetails": "%CustomerSeq%_ep2d_bold_sms_mgh_v22",
    "PulseSequenceType": "Gradient Echo EPI",
    "ReceiveCoilActiveElements": "HC1-7;NC1,2",
    "ReceiveCoilName": "HeadNeck_64",
    "RepetitionTime": 1.5,
    "ScanOptions": "PFP_FS",
    "ScanningSequence": "EP",
    "SequenceName": "epfSM2d1_96",
    "SequenceVariant": "SK",
    "SliceTiming": [
      0.6925,
      0,
      0.79,
      0.1,
      0.8875,
      0.1975,
      0.9875,
      0.2975,
      1.085,
      0.395,
      1.185,
      0.495,
      1.2825,
      0.5925,
      1.3825,
      0.6925,
      0,
      0.79,
      0.1,
      0.8875,
      0.1975,
      0.9875,
      0.2975,
      1.085,
      0.395,
      1.185,
      0.495,
      1.2825,
      0.5925,
      1.3825,
      0.6925,
      0,
      0.79,
      0.1,
      0.8875,
      0.1975,
      0.9875,
      0.2975,
      1.085,
      0.395,
      1.185,
      0.495,
      1.2825,
      0.5925,
      1.3825,
      0.6925,
      0,
      0.79,
      0.1,
      0.8875,
      0.1975,
      0.9875,
      0.2975,
      1.085,
      0.395,
      1.185,
      0.495,
      1.2825,
      0.5925,
      1.3825
    ],
    "SoftwareVersions": "syngo_MR_D13D",
    "StationName": "AWP66018",
    "TaskDescription": "Passively listened to audio story 'shapessocial'",
    "TaskName": "shapessocial",
    "TotalReadoutTime": 0.0883478,
    "dataset": "ds002345",
    "modality": "bold",
    "subject_id": "058",
    "task_id": "shapessocial"
  },
  "dummy_trs": 1,
  "dvars_nstd": 35.056626368343984,
  "dvars_std": 1.0698584778025475,
  "dvars_vstd": 0.9711635148407644,
  "efc": 0.5602811897115897,
  "fber": 393.22454833984375,
  "fd_mean": 0.12807310408476316,
  "fd_num": 26,
  "fd_perc": 8.253968253968255,
  "fwhm_avg": 2.7892216666666663,
  "fwhm_x": 2.65001,
  "fwhm_y": 2.92484,
  "fwhm_z": 2.792815,
  "gcor": 0.0102429,
  "gsr_x": -0.012535654939711094,
  "gsr_y": 0.059326767921447754,
  "provenance": {
    "md5sum": "74f3e072e46594569343a3165014165c",
    "settings": {
      "fd_thres": 0.2,
      "testing": false
    },
    "software": "mriqc",
    "version": "21.0.0rc2",
    "webapi_port": null,
    "webapi_url": "https://mriqc.nimh.nih.gov/api/v1"
  },
  "size_t": 315,
  "size_x": 96,
  "size_y": 96,
  "size_z": 60,
  "snr": 2.199394328510621,
  "spacing_tr": 1.5,
  "spacing_x": 2.0,
  "spacing_y": 2.0,
  "spacing_z": 2.0,
  "summary_bg_k": 141.4739581118576,
  "summary_bg_mad": 5.732728766744282,
  "summary_bg_mean": 37.196868896484375,
  "summary_bg_median": 23.996826171875,
  "summary_bg_n": 324020.0,
  "summary_bg_p05": 18.698413848876953,
  "summary_bg_p95": 91.93047790527336,
  "summary_bg_stdv": 49.799842834472656,
  "summary_fg_k": 4.932495431774191,
  "summary_fg_mad": 183.28258192871317,
  "summary_fg_mean": 526.5335693359375,
  "summary_fg_median": 484.920654296875,
  "summary_fg_n": 143265.0,
  "summary_fg_p05": 272.63872680664065,
  "summary_fg_p95": 934.5720947265623,
  "summary_fg_stdv": 220.47840881347656,
  "tsnr": 34.00306583195925
}