{
  "aor": 0.0009937263157894737,
  "aqi": 0.006432046610526317,
  "bids_meta": {
    "CogAtlasID": "https://www.cognitiveatlas.org/task/id/trm_4c8991fadfe01",
    "DeviceSerialNumber": "45031",
    "DwellTime": 5.4e-06,
    "EchoTime": 0.028,
    "EffectiveEchoSpacing": 0.000390001,
    "FlipAngle": 64,
    "InstitutionAddress": "Washington Rd, Princeton, NJ 08540, USA",
    "InstitutionName": "Princeton University",
    "InstitutionalDepartmentName": "Princeton Neuroscience Institute",
    "MagneticFieldStrength": 3,
    "Manufacturer": "Siemens",
    "ManufacturersModelName": "Skyra",
    "NumberOfVolumesDiscardedByScanner": 3,
    "ParallelReductionFactorInPlane": 2,
    "ParallelReductionType": "GRAPPA",
    "PartialFourier": 1,
    "PhaseEncodingDirection": "j-",
    "PixelBandwidth": 1445,
    "PulseSequenceDetails": "%SiemensSeq%_ep2d_bold",
    "PulseSequenceType": "Gradient Echo EPI",
    "ReceiveCoilActiveElements": "HE1-4",
    "ReceiveCoilName": "HeadNeck_20",
    "RepetitionTime": 1.5,
    "ScanOptions": "FS",
    "ScanningSequence": "EP",
    "SequenceName": "_epfid2d1_64",
    "SequenceVariant": "SK",
    "SliceTiming": [
      0,
      0.7775,
      0.055,
      0.8325,
      0.11,
      0.8875,
      0.165,
      0.9425,
      0.22,
      0.9975,
      0.2775,
      1.055,
      0.3325,
      1.11,
      0.3875,
      1.165,
      0.4425,
      1.22,
      0.5,
      1.2775,
      0.555,
      1.3325,
      0.61,
      1.3875,
      0.665,
      1.4425,
      0.72
    ],
    "SoftwareVersions": "syngo_MR_D11",
    "StationName": "AWP45031",
    "TaskDescription": "Passively listened to audio story 'prettymouth'",
    "TaskName": "prettymouth",
    "TotalReadoutTime": 0.0245701,
    "dataset": "ds002345",
    "modality": "bold",
    "subject_id": "088",
    "task_id": "prettymouth"
  },
  "dummy_trs": 0,
  "dvars_nstd": 24.668003303502115,
  "dvars_std": 1.3537068696413495,
  "dvars_vstd": 1.0113347316033747,
  "efc": 0.6339363892239005,
  "fber": 1435.41064453125,
  "fd_mean": 0.12362598084230782,
  "fd_num": 44,
  "fd_perc": 9.263157894736842,
  "fwhm_avg": 1.7833039785982845,
  "fwhm_x": 1.7594333333333332,
  "fwhm_y": 2.012846666666667,
  "fwhm_z": 1.5776319357948532,
  "gcor": 0.0922224,
  "gsr_x": -0.017465993762016296,
  "gsr_y": 0.07481331378221512,
  "provenance": {
    "md5sum": "145969460dc7c60de78f8ca868951273",
    "settings": {
      "fd_thres": 0.2,
      "testing": false
    },
    "software": "mriqc",
    "version": "21.0.0rc2",
    "webapi_port": null,
    "webapi_url": "https://mriqc.nimh.nih.gov/api/v1"
  },
  "size_t": 475,
  "size_x": 64,
  "size_y": 64,
  "size_z": 27,
  "snr": 6.881052375245707,
  "spacing_tr": 1.5,
  "spacing_x": 3.0,
  "spacing_y": 3.0,
  "spacing_z": 4.000001430511475,
  "summary_bg_k": 13.00595825038781,
  "summary_bg_mad": 13.755427671150963,
  "summary_bg_mean": 57.903812408447266,
  "summary_bg_median": 17.437894821166992,
  "summary_bg_n": 51527.0,
  "summary_bg_p05": 6.9263153076171875,
  "summary_bg_p95": 248.26019439697254,
  "summary_bg_stdv": 92.35021209716797,
  "summary_fg_k": 2.9712658741776847,
  "summary_fg_mad": 93.60365308959815,
  "summary_fg_mean": 723.2965698242188,
  "summary_fg_median": 713.983154296875,
  "summary_fg_n": 30493.0,
  "summary_fg_p05": 582.5612426757813,
  "summary_fg_p95": 893.5898681640624,
  "summary_fg_stdv": 103.75904846191406,
  "tsnr": 75.97591187560465
}