{
  "aor": 0.0005363299663299662,
  "aqi": 0.006005936632996633,
  "bids_meta": {
    "CogAtlasID": "https://www.cognitiveatlas.org/task/id/trm_4c8991fadfe01",
    "DeviceSerialNumber": "45031",
    "DwellTime": 5.4e-06,
    "EchoTime": 0.028,
    "EffectiveEchoSpacing": 0.000390001,
    "FlipAngle": 64,
    "InstitutionAddress": "Washington Rd, Princeton, NJ 08540, USA",
    "InstitutionName": "Princeton University",
    "InstitutionalDepartmentName": "Princeton Neuroscience Institute",
    "MagneticFieldStrength": 3,
    "Manufacturer": "Siemens",
    "ManufacturersModelName": "Skyra",
    "NumberOfVolumesDiscardedByScanner": 3,
    "ParallelReductionFactorInPlane": 2,
    "ParallelReductionType": "GRAPPA",
    "PartialFourier": 1,
    "PhaseEncodingDirection": "j-",
    "PixelBandwidth": 1445,
    "PulseSequenceDetails": "%SiemensSeq%_ep2d_bold",
    "PulseSequenceType": "Gradient Echo EPI",
    "ReceiveCoilActiveElements": "HE1-4",
    "ReceiveCoilName": "HeadNeck_20",
    "RepetitionTime": 1.5,
    "ScanOptions": "FS",
    "ScanningSequence": "EP",
    "SequenceName": "_epfid2d1_64",
    "SequenceVariant": "SK",
    "SliceTiming": [
      0,
      0.7775,
      0.055,
      0.8325,
      0.11,
      0.8875,
      0.165,
      0.9425,
      0.22,
      0.9975,
      0.2775,
      1.055,
      0.3325,
      1.11,
      0.3875,
      1.165,
      0.4425,
      1.22,
      0.5,
      1.2775,
      0.555,
      1.3325,
      0.61,
      1.3875,
      0.665,
      1.4425,
      0.72
    ],
    "SoftwareVersions": "syngo_MR_D11",
    "StationName": "AWP45031",
    "TaskDescription": "Passively listened to audio story 'milkyway'",
    "TaskName": "milkyway",
    "TotalReadoutTime": 0.0245701,
    "dataset": "ds002345",
    "modality": "bold",
    "subject_id": "088",
    "task_id": "milkyway"
  },
  "dummy_trs": 0,
  "dvars_nstd": 24.910663772364874,
  "dvars_std": 1.3394394151351354,
  "dvars_vstd": 0.9994821268581083,
  "efc": 0.6326743908946979,
  "fber": 1445.593505859375,
  "fd_mean": 0.13241327100412764,
  "fd_num": 36,
  "fd_perc": 12.121212121212121,
  "fwhm_avg": 1.787033422034815,
  "fwhm_x": 1.7574133333333333,
  "fwhm_y": 2.0176000000000003,
  "fwhm_z": 1.586086932771111,
  "gcor": 0.0473242,
  "gsr_x": -0.016120871528983116,
  "gsr_y": 0.07216418534517288,
  "provenance": {
    "md5sum": "99606440d6e5c325a6a90b161699f936",
    "settings": {
      "fd_thres": 0.2,
      "testing": false
    },
    "software": "mriqc",
    "version": "21.0.0rc2",
    "webapi_port": null,
    "webapi_url": "https://mriqc.nimh.nih.gov/api/v1"
  },
  "size_t": 297,
  "size_x": 64,
  "size_y": 64,
  "size_z": 27,
  "snr": 6.842257199608375,
  "spacing_tr": 1.5,
  "spacing_x": 3.0,
  "spacing_y": 3.0,
  "spacing_z": 4.000001430511475,
  "summary_bg_k": 12.750211533403762,
  "summary_bg_mad": 13.513145468285336,
  "summary_bg_mean": 56.837406158447266,
  "summary_bg_median": 17.316497802734375,
  "summary_bg_n": 51527.0,
  "summary_bg_p05": 6.936026573181152,
  "summary_bg_p95": 244.15588531494123,
  "summary_bg_stdv": 90.39129638671875,
  "summary_fg_k": 3.0360312580188653,
  "summary_fg_mad": 94.13773013388649,
  "summary_fg_mean": 722.0603637695312,
  "summary_fg_median": 712.562255859375,
  "summary_fg_n": 30495.0,
  "summary_fg_p05": 581.1299682617188,
  "summary_fg_p95": 894.65048828125,
  "summary_fg_stdv": 104.13969421386719,
  "tsnr": 79.68036174611188
}