{
  "bids_meta": {
    "AcquisitionMatrixPE": 256,
    "BaseResolution": 256,
    "BodyPartExamined": "BRAIN",
    "ConsistencyInfo": "N4_VE11C_LATEST_20160120",
    "ConversionSoftware": "dcm2niix",
    "ConversionSoftwareVersion": "v1.0.20180328 GCC6.3.0",
    "DeviceSerialNumber": "66018",
    "DwellTime": 9.8e-06,
    "EchoTime": 0.0033,
    "FlipAngle": 7,
    "ImageOrientationPatientDICOM": [
      0,
      1,
      0,
      0,
      0,
      -1
    ],
    "ImageType": [
      "ORIGINAL",
      "PRIMARY",
      "M",
      "ND",
      "NORM"
    ],
    "InPlanePhaseEncodingDirectionDICOM": "ROW",
    "InstitutionAddress": "Washington Rd, Princeton, NJ 08540, USA",
    "InstitutionName": "Princeton University",
    "InstitutionalDepartmentName": "Princeton Neuroscience Institute",
    "InversionTime": 1.1,
    "MRAcquisitionType": "3D",
    "MagneticFieldStrength": 3,
    "Manufacturer": "Siemens",
    "ManufacturersModelName": "Prisma",
    "Modality": "MR",
    "ParallelReductionFactorInPlane": 2,
    "ParallelReductionType": "GRAPPA",
    "PartialFourier": 1,
    "PatientPosition": "HFS",
    "PercentPhaseFOV": 100,
    "PhaseEncodingSteps": 255,
    "PhaseResolution": 1,
    "PixelBandwidth": 200,
    "ProcedureStepDescription": "Hasson_Nastase_042518_Storyteller",
    "ProtocolName": "anat-T1w",
    "PulseSequenceDetails": "%SiemensSeq%_tfl",
    "ReceiveCoilActiveElements": "HC1-7;NC1,2",
    "ReceiveCoilName": "HeadNeck_64",
    "ReconMatrixPE": 256,
    "RepetitionTime": 2.53,
    "SAR": 0.0423659,
    "ScanOptions": "IR",
    "ScanningSequence": "GR_IR",
    "SequenceName": "_tfl3d1_16ns",
    "SequenceVariant": "SK_SP_MP",
    "SeriesDescription": "anat-T1w",
    "SeriesNumber": 3,
    "ShimSetting": [
      721,
      495,
      2032,
      368,
      -96,
      -203,
      239,
      70
    ],
    "SliceThickness": 1,
    "SoftwareVersions": "syngo_MR_E11",
    "StationName": "AWP66018",
    "TxRefAmp": 252.391,
    "dataset": "ds002345",
    "modality": "T1w",
    "subject_id": "298"
  },
  "cjv": 0.40877796353381113,
  "cnr": 3.1403102577692406,
  "efc": 0.5706668373034459,
  "fber": 3421.692879818594,
  "fwhm_avg": 3.1555933333333335,
  "fwhm_x": 3.20655,
  "fwhm_y": 3.32375,
  "fwhm_z": 2.93648,
  "icvs_csf": 0.1630783522867898,
  "icvs_gm": 0.4508882130004144,
  "icvs_wm": 0.38603343471279583,
  "inu_med": 1.3430629968643188,
  "inu_range": 0.5460258245468139,
  "provenance": {
    "md5sum": "1f2867f8f8553065a186c121cf488723",
    "settings": {
      "testing": false
    },
    "software": "mriqc",
    "version": "22.0.0rc1",
    "warnings": {
      "large_rot_frame": true,
      "small_air_mask": false
    },
    "webapi_port": null,
    "webapi_url": "https://mriqc.nimh.nih.gov/api/v1"
  },
  "qi_1": 0.0,
  "qi_2": 0.000973894192633616,
  "rpve_csf": 31.099294399995657,
  "rpve_gm": 12.923943972347393,
  "rpve_wm": 17.780497041714007,
  "size_x": 176,
  "size_y": 256,
  "size_z": 256,
  "snr_csf": 1.5560288991362283,
  "snr_gm": 8.725776128767869,
  "snr_total": 9.259498384719478,
  "snr_wm": 17.496690126254336,
  "snrd_csf": 23.104510987140532,
  "snrd_gm": 63.382870368934356,
  "snrd_total": 59.36868811190134,
  "snrd_wm": 91.61868297962914,
  "spacing_x": 1.0,
  "spacing_y": 1.0,
  "spacing_z": 1.0,
  "summary_bg_k": 6.815123904819769,
  "summary_bg_mad": 7.150685462850087,
  "summary_bg_mean": 12.382246461871599,
  "summary_bg_median": 10.513195797801018,
  "summary_bg_n": 3456947.0,
  "summary_bg_p05": 2.438627891242504,
  "summary_bg_p95": 28.99257604032755,
  "summary_bg_stdv": 8.901661686662006,
  "summary_csf_k": 1.9622212851399077,
  "summary_csf_mad": 159.72542359714578,
  "summary_csf_mean": 300.77532024711144,
  "summary_csf_median": 252.18121981993318,
  "summary_csf_n": 3552.0,
  "summary_csf_p05": 105.75787247009575,
  "summary_csf_p95": 580.2498300287872,
  "summary_csf_stdv": 162.04436754262437,
  "summary_gm_k": 0.5221716728428798,
  "summary_gm_mad": 72.87271589668572,
  "summary_gm_mean": 692.8126993994752,
  "summary_gm_median": 691.8116368800402,
  "summary_gm_n": 20169.0,
  "summary_gm_p05": 564.786219611764,
  "summary_gm_p95": 827.6486295953392,
  "summary_gm_stdv": 79.28171386570332,
  "summary_wm_k": 0.534476582758761,
  "summary_wm_mad": 53.10789989824615,
  "summary_wm_mean": 997.6582095359763,
  "summary_wm_median": 1000.0000106021762,
  "summary_wm_n": 197501.0,
  "summary_wm_p05": 898.1737482100725,
  "summary_wm_p95": 1087.6280394941568,
  "summary_wm_stdv": 57.15352285205449,
  "tpm_overlap_csf": 0.15962575376033783,
  "tpm_overlap_gm": 0.44089585542678833,
  "tpm_overlap_wm": 0.4887074828147888,
  "wm2max": 0.5215068957721004
}