{
  "aor": 0.00626304347826087,
  "aqi": 0.024194223076923076,
  "bids_meta": {
    "CogAtlasID": "https://www.cognitiveatlas.org/task/id/trm_4c8991fadfe01",
    "DeviceSerialNumber": "45031",
    "DwellTime": 5.4e-06,
    "EchoTime": 0.028,
    "EffectiveEchoSpacing": 0.000390001,
    "FlipAngle": 64,
    "InstitutionAddress": "Washington Rd, Princeton, NJ 08540, USA",
    "InstitutionName": "Princeton University",
    "InstitutionalDepartmentName": "Princeton Neuroscience Institute",
    "MagneticFieldStrength": 3,
    "Manufacturer": "Siemens",
    "ManufacturersModelName": "Skyra",
    "NumberOfVolumesDiscardedByScanner": 3,
    "ParallelReductionFactorInPlane": 2,
    "ParallelReductionType": "GRAPPA",
    "PartialFourier": 1,
    "PhaseEncodingDirection": "j-",
    "PixelBandwidth": 1445,
    "PulseSequenceDetails": "%SiemensSeq%_ep2d_bold",
    "PulseSequenceType": "Gradient Echo EPI",
    "ReceiveCoilActiveElements": "HE1-4",
    "ReceiveCoilName": "HeadNeck_20",
    "RepetitionTime": 1.5,
    "ScanOptions": "FS",
    "ScanningSequence": "EP",
    "SequenceName": "_epfid2d1_64",
    "SequenceVariant": "SK",
    "SliceTiming": [
      0,
      0.7775,
      0.055,
      0.8325,
      0.11,
      0.89,
      0.1675,
      0.945,
      0.2225,
      1,
      0.2775,
      1.055,
      0.3325,
      1.11,
      0.39,
      1.1675,
      0.445,
      1.2225,
      0.5,
      1.2775,
      0.555,
      1.3325,
      0.61,
      1.3875,
      0.6675,
      1.445,
      0.7225
    ],
    "SoftwareVersions": "syngo_MR_D11",
    "StationName": "AWP45031",
    "TaskDescription": "Passively listened to audio story 'pieman'",
    "TaskName": "pieman",
    "TotalReadoutTime": 0.0245701,
    "dataset": "ds002345",
    "modality": "bold",
    "run_id": 1,
    "subject_id": "015",
    "task_id": "pieman"
  },
  "dummy_trs": 1,
  "dvars_nstd": 28.641427699362414,
  "dvars_std": 1.2429494425167782,
  "dvars_vstd": 0.922242325167785,
  "efc": 0.6449094659605904,
  "fber": 1239.25146484375,
  "fd_mean": 0.2327588597078666,
  "fd_num": 42,
  "fd_perc": 14.046822742474916,
  "fwhm_avg": 1.946295901922691,
  "fwhm_x": 1.8878433333333333,
  "fwhm_y": 2.224936666666667,
  "fwhm_z": 1.7261077057680732,
  "gcor": 0.0175275,
  "gsr_x": -0.0053075081668794155,
  "gsr_y": 0.0636870339512825,
  "provenance": {
    "md5sum": "56d5db17d80d5bd042177528c3600d05",
    "settings": {
      "fd_thres": 0.2,
      "testing": false
    },
    "software": "mriqc",
    "version": "21.0.0rc2",
    "webapi_port": null,
    "webapi_url": "https://mriqc.nimh.nih.gov/api/v1"
  },
  "size_t": 299,
  "size_x": 64,
  "size_y": 64,
  "size_z": 27,
  "snr": 5.782547288240038,
  "spacing_tr": 1.5,
  "spacing_x": 3.0,
  "spacing_y": 3.0,
  "spacing_z": 3.999999523162842,
  "summary_bg_k": 19.222928945018527,
  "summary_bg_mad": 19.923397670303487,
  "summary_bg_mean": 58.232601165771484,
  "summary_bg_median": 22.127090454101562,
  "summary_bg_n": 48985.0,
  "summary_bg_p05": 6.82608699798584,
  "summary_bg_p95": 239.46956481933583,
  "summary_bg_stdv": 96.56488800048828,
  "summary_fg_k": 2.5089149039366445,
  "summary_fg_mad": 117.17018725496766,
  "summary_fg_mean": 826.709228515625,
  "summary_fg_median": 807.7056884765625,
  "summary_fg_n": 33999.0,
  "summary_fg_p05": 650.2451538085937,
  "summary_fg_p95": 1081.7220581054685,
  "summary_fg_stdv": 139.6778564453125,
  "tsnr": 42.405829945812
}