{
  "bids_meta": {
    "DeviceSerialNumber": "66018",
    "DwellTime": 9.8e-06,
    "EchoTime": 0.00267,
    "FlipAngle": 7,
    "InstitutionAddress": "Washington Rd, Building 25, Princeton, NJ 08540, USA",
    "InstitutionName": "Princeton University",
    "InstitutionalDepartmentName": "Princeton Neuroscience Institute",
    "InversionTime": 1.2,
    "MagneticFieldStrength": 3,
    "Manufacturer": "Siemens",
    "ManufacturersModelName": "Prisma",
    "ParallelReductionFactorInPlane": 2,
    "ParellelReductionType": "TODO",
    "PartialFourier": 1,
    "PixelBandwidth": 200,
    "PulseSequenceDetails": "%SiemensSeq%_tfl",
    "PulseSequenceType": "MPRAGE",
    "ReceiveCoilActiveElements": "HC1-7;NC1",
    "ReceiveCoilName": "HeadNeck_64",
    "RepetitionTime": 2.53,
    "ScanOptions": "IR",
    "ScanningSequence": "GR_IR",
    "SequenceName": "_tfl3d1_16",
    "SequenceVariant": "SK_SP_MP",
    "SoftwareVersions": "syngo_MR_D13D",
    "StationName": "AWP66018",
    "dataset": "ds002345",
    "modality": "T1w",
    "run_id": 1,
    "subject_id": "244"
  },
  "cjv": 0.39238936159313703,
  "cnr": 3.1594764692285016,
  "efc": 0.5938577313057126,
  "fber": 260.1579238754325,
  "fwhm_avg": 3.890373333333333,
  "fwhm_x": 3.78443,
  "fwhm_y": 3.877,
  "fwhm_z": 4.00969,
  "icvs_csf": 0.20931848384610013,
  "icvs_gm": 0.3945154065066856,
  "icvs_wm": 0.39616610964721427,
  "inu_med": 1.1144351959228516,
  "inu_range": 0.6007444113492966,
  "provenance": {
    "md5sum": "b6ceff533e4f4e63f0129e620999200f",
    "settings": {
      "testing": false
    },
    "software": "mriqc",
    "version": "22.0.0rc1",
    "warnings": {
      "large_rot_frame": true,
      "small_air_mask": false
    },
    "webapi_port": null,
    "webapi_url": "https://mriqc.nimh.nih.gov/api/v1"
  },
  "qi_1": 0.00023335402738478144,
  "qi_2": 0.002205398496089854,
  "rpve_csf": 23.993160186788394,
  "rpve_gm": 12.86329067446939,
  "rpve_wm": 16.21995340240353,
  "size_x": 176,
  "size_y": 256,
  "size_z": 256,
  "snr_csf": 4.196113294654102,
  "snr_gm": 11.195730429558687,
  "snr_total": 12.283603771459575,
  "snr_wm": 21.458967590165937,
  "snrd_csf": 13.018293551286213,
  "snrd_gm": 21.48962980920205,
  "snrd_total": 21.270604891409643,
  "snrd_wm": 29.303891313740664,
  "spacing_x": 1.0,
  "spacing_y": 1.0,
  "spacing_z": 1.0,
  "summary_bg_k": 266.74178066357746,
  "summary_bg_mad": 22.35663420035131,
  "summary_bg_mean": 42.29933484503489,
  "summary_bg_median": 39.8564942702651,
  "summary_bg_n": 2980602.0,
  "summary_bg_p05": 10.594764299690723,
  "summary_bg_p95": 80.83412761986256,
  "summary_bg_stdv": 25.725682219072457,
  "summary_csf_k": 1.6631200188166844,
  "summary_csf_mad": 92.33539255238031,
  "summary_csf_mean": 428.94858335937914,
  "summary_csf_median": 444.25136018544436,
  "summary_csf_n": 9953.0,
  "summary_csf_p05": 218.62212046980858,
  "summary_csf_p95": 571.8594101950526,
  "summary_csf_stdv": 105.86678932876441,
  "summary_gm_k": 0.43450381535541194,
  "summary_gm_mad": 61.25219109910377,
  "summary_gm_mean": 730.6936872472601,
  "summary_gm_median": 733.3370717912912,
  "summary_gm_n": 12901.0,
  "summary_gm_p05": 618.1960883438587,
  "summary_gm_p95": 834.0153611153364,
  "summary_gm_stdv": 65.49895552952609,
  "summary_wm_k": 0.7866529317813509,
  "summary_wm_mad": 43.383505771685435,
  "summary_wm_mean": 1001.5860070460612,
  "summary_wm_median": 1000.0000018104911,
  "summary_wm_n": 216569.0,
  "summary_wm_p05": 928.5834424570203,
  "summary_wm_p95": 1080.329616844654,
  "summary_wm_stdv": 46.600456842717826,
  "tpm_overlap_csf": 0.13263577222824097,
  "tpm_overlap_gm": 0.4071164131164551,
  "tpm_overlap_wm": 0.48095378279685974,
  "wm2max": 0.37498948961574036
}