{
  "aor": 0.0007441214057507988,
  "aqi": 0.005229506677316294,
  "bids_meta": {
    "CogAtlasID": "https://www.cognitiveatlas.org/task/id/trm_4c8991fadfe01",
    "DeviceSerialNumber": "66018",
    "DwellTime": 4.2e-06,
    "EchoTime": 0.039,
    "EffectiveEchoSpacing": 0.000929976,
    "FlipAngle": 50,
    "InstitutionAddress": "Washington Rd, Princeton, NJ 08540, USA",
    "InstitutionName": "Princeton University",
    "InstitutionalDepartmentName": "Princeton Neuroscience Institute",
    "MagneticFieldStrength": 3,
    "Manufacturer": "Siemens",
    "ManufacturersModelName": "Prisma",
    "NumberOfVolumesDiscardedByScanner": 3,
    "ParallelReductionType": "GRAPPA",
    "PartialFourier": 0.75,
    "PhaseEncodingDirection": "j-",
    "PixelBandwidth": 1240,
    "PulseSequenceDetails": "%CustomerSeq%_ep2d_bold_sms_mgh_v22",
    "PulseSequenceType": "Gradient Echo EPI",
    "ReceiveCoilActiveElements": "HC1-7;NC1,2",
    "ReceiveCoilName": "HeadNeck_64",
    "RepetitionTime": 1.5,
    "ScanOptions": "PFP_FS",
    "ScanningSequence": "EP",
    "SequenceName": "epfSM2d1_96",
    "SequenceVariant": "SK",
    "SliceTiming": [
      0.6925,
      0,
      0.79,
      0.1,
      0.8875,
      0.1975,
      0.9875,
      0.2975,
      1.085,
      0.395,
      1.185,
      0.495,
      1.2825,
      0.5925,
      1.3825,
      0.6925,
      0,
      0.79,
      0.1,
      0.8875,
      0.1975,
      0.9875,
      0.2975,
      1.085,
      0.395,
      1.185,
      0.495,
      1.2825,
      0.5925,
      1.3825,
      0.6925,
      0,
      0.79,
      0.1,
      0.8875,
      0.1975,
      0.9875,
      0.2975,
      1.085,
      0.395,
      1.185,
      0.495,
      1.2825,
      0.5925,
      1.3825,
      0.6925,
      0,
      0.79,
      0.1,
      0.8875,
      0.1975,
      0.9875,
      0.2975,
      1.085,
      0.395,
      1.185,
      0.495,
      1.2825,
      0.5925,
      1.3825
    ],
    "SoftwareVersions": "syngo_MR_D13D",
    "StationName": "AWP66018",
    "TaskDescription": "Passively listened to audio story 'shapesphysical'",
    "TaskName": "shapesphysical",
    "TotalReadoutTime": 0.0883478,
    "dataset": "ds002345",
    "modality": "bold",
    "subject_id": "095",
    "task_id": "shapesphysical"
  },
  "dummy_trs": 0,
  "dvars_nstd": 32.27911131217949,
  "dvars_std": 1.0259235484935894,
  "dvars_vstd": 0.9777479636217944,
  "efc": 0.6121389053429223,
  "fber": 303.0246887207031,
  "fd_mean": 0.10790382332377771,
  "fd_num": 3,
  "fd_perc": 0.9584664536741214,
  "fwhm_avg": 2.7820416666666667,
  "fwhm_x": 2.53669,
  "fwhm_y": 3.02556,
  "fwhm_z": 2.783875,
  "gcor": 0.00703932,
  "gsr_x": -0.014724534936249256,
  "gsr_y": 0.06984920054674149,
  "provenance": {
    "md5sum": "d8813093f54a58562cfd5632e25df9dd",
    "settings": {
      "fd_thres": 0.2,
      "testing": false
    },
    "software": "mriqc",
    "version": "21.0.0rc2",
    "webapi_port": null,
    "webapi_url": "https://mriqc.nimh.nih.gov/api/v1"
  },
  "size_t": 313,
  "size_x": 96,
  "size_y": 96,
  "size_z": 60,
  "snr": 2.4651842712555365,
  "spacing_tr": 1.5,
  "spacing_x": 2.0,
  "spacing_y": 2.0,
  "spacing_z": 2.0,
  "summary_bg_k": 45.2039911300358,
  "summary_bg_mad": 7.555112845919514,
  "summary_bg_mean": 45.25452423095703,
  "summary_bg_median": 25.498401641845703,
  "summary_bg_n": 302203.0,
  "summary_bg_p05": 18.875398635864258,
  "summary_bg_p95": 144.50064239501918,
  "summary_bg_stdv": 53.32013702392578,
  "summary_fg_k": 1.5458261210875763,
  "summary_fg_mad": 170.8781855962834,
  "summary_fg_mean": 492.699462890625,
  "summary_fg_median": 462.0606994628906,
  "summary_fg_n": 159390.0,
  "summary_fg_p05": 251.89456176757812,
  "summary_fg_p95": 841.7396026611325,
  "summary_fg_stdv": 187.4339599609375,
  "tsnr": 40.07326281699352
}