{
  "aor": 0.0011280906148867314,
  "aqi": 0.003776518090614887,
  "bids_meta": {
    "CogAtlasID": "https://www.cognitiveatlas.org/task/id/trm_4c8991fadfe01",
    "DeviceSerialNumber": "66018",
    "DwellTime": 4.2e-06,
    "EchoTime": 0.039,
    "EffectiveEchoSpacing": 0.000929976,
    "FlipAngle": 50,
    "InstitutionAddress": "Washington Rd, Princeton, NJ 08540, USA",
    "InstitutionName": "Princeton University",
    "InstitutionalDepartmentName": "Princeton Neuroscience Institute",
    "MagneticFieldStrength": 3,
    "Manufacturer": "Siemens",
    "ManufacturersModelName": "Prisma",
    "NumberOfVolumesDiscardedByScanner": 3,
    "ParallelReductionType": "GRAPPA",
    "PartialFourier": 0.75,
    "PhaseEncodingDirection": "j-",
    "PixelBandwidth": 1240,
    "PulseSequenceDetails": "%CustomerSeq%_ep2d_bold_sms_mgh_v22",
    "PulseSequenceType": "Gradient Echo EPI",
    "ReceiveCoilActiveElements": "HC1-7;NC1,2",
    "ReceiveCoilName": "HeadNeck_64",
    "RepetitionTime": 1.5,
    "ScanOptions": "PFP_FS",
    "ScanningSequence": "EP",
    "SequenceName": "epfSM2d1_96",
    "SequenceVariant": "SK",
    "SliceTiming": [
      0.6925,
      0,
      0.79,
      0.1,
      0.8875,
      0.1975,
      0.9875,
      0.2975,
      1.085,
      0.395,
      1.185,
      0.495,
      1.2825,
      0.5925,
      1.3825,
      0.6925,
      0,
      0.79,
      0.1,
      0.8875,
      0.1975,
      0.9875,
      0.2975,
      1.085,
      0.395,
      1.185,
      0.495,
      1.2825,
      0.5925,
      1.3825,
      0.6925,
      0,
      0.79,
      0.1,
      0.8875,
      0.1975,
      0.9875,
      0.2975,
      1.085,
      0.395,
      1.185,
      0.495,
      1.2825,
      0.5925,
      1.3825,
      0.6925,
      0,
      0.79,
      0.1,
      0.8875,
      0.1975,
      0.9875,
      0.2975,
      1.085,
      0.395,
      1.185,
      0.495,
      1.2825,
      0.5925,
      1.3825
    ],
    "SoftwareVersions": "syngo_MR_D13D",
    "StationName": "AWP66018",
    "TaskDescription": "Passively listened to audio story 'shapessocial'",
    "TaskName": "shapessocial",
    "TotalReadoutTime": 0.0883478,
    "dataset": "ds002345",
    "modality": "bold",
    "subject_id": "095",
    "task_id": "shapessocial"
  },
  "dummy_trs": 1,
  "dvars_nstd": 33.519001285746754,
  "dvars_std": 1.0888366490259742,
  "dvars_vstd": 1.0199634904220785,
  "efc": 0.6129736117054659,
  "fber": 300.2794189453125,
  "fd_mean": 0.11216160509134025,
  "fd_num": 5,
  "fd_perc": 1.6181229773462784,
  "fwhm_avg": 2.7659466666666668,
  "fwhm_x": 2.527975,
  "fwhm_y": 3.02091,
  "fwhm_z": 2.748955,
  "gcor": 0.0105018,
  "gsr_x": -0.015012286603450775,
  "gsr_y": 0.07122842222452164,
  "provenance": {
    "md5sum": "2748fbe17a51c2d30cc198a12566893a",
    "settings": {
      "fd_thres": 0.2,
      "testing": false
    },
    "software": "mriqc",
    "version": "21.0.0rc2",
    "webapi_port": null,
    "webapi_url": "https://mriqc.nimh.nih.gov/api/v1"
  },
  "size_t": 309,
  "size_x": 96,
  "size_y": 96,
  "size_z": 60,
  "snr": 2.4640493306135185,
  "spacing_tr": 1.5,
  "spacing_x": 2.0,
  "spacing_y": 2.0,
  "spacing_z": 2.0,
  "summary_bg_k": 42.87055435100338,
  "summary_bg_mad": 7.134723425590876,
  "summary_bg_mean": 45.865631103515625,
  "summary_bg_median": 25.563108444213867,
  "summary_bg_n": 302862.0,
  "summary_bg_p05": 19.36246109008789,
  "summary_bg_p95": 147.866677093506,
  "summary_bg_stdv": 54.17437744140625,
  "summary_fg_k": 1.56474212034892,
  "summary_fg_mad": 170.13941823105637,
  "summary_fg_mean": 491.2942810058594,
  "summary_fg_median": 461.074462890625,
  "summary_fg_n": 158840.0,
  "summary_fg_p05": 251.42071533203125,
  "summary_fg_p95": 840.378662109375,
  "summary_fg_stdv": 187.1200408935547,
  "tsnr": 43.81499744625762
}