{
  "aor": 0.004028193103448275,
  "aqi": 0.01958395635862069,
  "bids_meta": {
    "CogAtlasID": "https://www.cognitiveatlas.org/task/id/trm_4c8991fadfe01",
    "DeviceSerialNumber": "45031",
    "DwellTime": 4.9e-06,
    "EchoTime": 0.028,
    "EffectiveEchoSpacing": 0.000355001,
    "FlipAngle": 64,
    "InstitutionAddress": "Washington Rd, Princeton, NJ 08540, USA",
    "InstitutionName": "Princeton University",
    "InstitutionalDepartmentName": "Princeton Neuroscience Institute",
    "MagneticFieldStrength": 3,
    "Manufacturer": "Siemens",
    "ManufacturersModelName": "Skyra",
    "NumberOfVolumesDiscardedByScanner": 3,
    "ParallelReductionFactorInPlane": 2,
    "ParallelReductionType": "GRAPPA",
    "PartialFourier": 1,
    "PhaseEncodingDirection": "j-",
    "PixelBandwidth": 1595,
    "PulseSequenceDetails": "%SiemensSeq%_ep2d_bold",
    "PulseSequenceType": "Gradient Echo EPI",
    "ReceiveCoilActiveElements": "HE1-4",
    "ReceiveCoilName": "HeadNeck_20",
    "RepetitionTime": 1.5,
    "ScanOptions": "FS",
    "ScanningSequence": "EP",
    "SequenceName": "_epfid2d1_64",
    "SequenceVariant": "SK",
    "SliceTiming": [
      0,
      0.7675,
      0.055,
      0.8225,
      0.1075,
      0.875,
      0.1625,
      0.93,
      0.2175,
      0.985,
      0.2725,
      1.04,
      0.3275,
      1.095,
      0.3825,
      1.15,
      0.4375,
      1.205,
      0.4925,
      1.26,
      0.5475,
      1.315,
      0.6025,
      1.37,
      0.6575,
      1.425,
      0.7125
    ],
    "SoftwareVersions": "syngo_MR_D13",
    "StationName": "AWP45031",
    "TaskDescription": "Passively listened to audio story 'sherlock'",
    "TaskName": "sherlock",
    "TotalReadoutTime": 0.022365,
    "dataset": "ds002345",
    "modality": "bold",
    "subject_id": "179",
    "task_id": "sherlock"
  },
  "dummy_trs": 3,
  "dvars_nstd": 22.68671088972374,
  "dvars_std": 1.1827190651933697,
  "dvars_vstd": 1.0447274133977902,
  "efc": 0.5483250623749604,
  "fber": 2015.443359375,
  "fd_mean": 0.1865285254271696,
  "fd_num": 239,
  "fd_perc": 32.96551724137931,
  "fwhm_avg": 1.7407594444444445,
  "fwhm_x": 1.6917933333333333,
  "fwhm_y": 1.99251,
  "fwhm_z": 1.537975,
  "gcor": 0.0326363,
  "gsr_x": -0.005153505131602287,
  "gsr_y": 0.041953835636377335,
  "provenance": {
    "md5sum": "ba891447376ad2228da371d4ac99cb1d",
    "settings": {
      "fd_thres": 0.2,
      "testing": false
    },
    "software": "mriqc",
    "version": "22.0.0rc1",
    "webapi_port": null,
    "webapi_url": "https://mriqc.nimh.nih.gov/api/v1"
  },
  "size_t": 725,
  "size_x": 64,
  "size_y": 64,
  "size_z": 27,
  "snr": 7.647694021415493,
  "spacing_tr": 1.5,
  "spacing_x": 3.0,
  "spacing_y": 3.0,
  "spacing_z": 4.0,
  "summary_bg_k": 17.908336656072766,
  "summary_bg_mad": 9.273932965880858,
  "summary_bg_mean": 32.7074089050293,
  "summary_bg_median": 13.662069320678711,
  "summary_bg_n": 60819.0,
  "summary_bg_p05": 6.176551818847656,
  "summary_bg_p95": 130.56013641357413,
  "summary_bg_stdv": 53.14690017700195,
  "summary_fg_k": 2.766329558449578,
  "summary_fg_mad": 75.61479443352115,
  "summary_fg_mean": 639.13623046875,
  "summary_fg_median": 633.7972412109375,
  "summary_fg_n": 22403.0,
  "summary_fg_p05": 521.778369140625,
  "summary_fg_p95": 774.7175231933594,
  "summary_fg_stdv": 82.87244415283203,
  "tsnr": 47.947481637995224
}