{
  "aor": 0.0013892213740458014,
  "aqi": 0.018247479374045802,
  "bids_meta": {
    "CogAtlasID": "https://www.cognitiveatlas.org/task/id/trm_4c8991fadfe01",
    "DeviceSerialNumber": "45031",
    "DwellTime": 4.9e-06,
    "EchoTime": 0.028,
    "EffectiveEchoSpacing": 0.000355001,
    "FlipAngle": 64,
    "InstitutionAddress": "Washington Rd, Princeton, NJ 08540, USA",
    "InstitutionName": "Princeton University",
    "InstitutionalDepartmentName": "Princeton Neuroscience Institute",
    "MagneticFieldStrength": 3,
    "Manufacturer": "Siemens",
    "ManufacturersModelName": "Skyra",
    "NumberOfVolumesDiscardedByScanner": 3,
    "ParallelReductionFactorInPlane": 2,
    "ParallelReductionType": "GRAPPA",
    "PartialFourier": 1,
    "PhaseEncodingDirection": "j-",
    "PixelBandwidth": 1595,
    "PulseSequenceDetails": "%SiemensSeq%_ep2d_bold",
    "PulseSequenceType": "Gradient Echo EPI",
    "ReceiveCoilActiveElements": "HE1-4",
    "ReceiveCoilName": "HeadNeck_20",
    "RepetitionTime": 1.5,
    "ScanOptions": "FS",
    "ScanningSequence": "EP",
    "SequenceName": "_epfid2d1_64",
    "SequenceVariant": "SK",
    "SliceTiming": [
      0,
      0.7675,
      0.055,
      0.8225,
      0.1075,
      0.875,
      0.1625,
      0.93,
      0.2175,
      0.985,
      0.2725,
      1.04,
      0.3275,
      1.095,
      0.3825,
      1.15,
      0.4375,
      1.205,
      0.4925,
      1.26,
      0.5475,
      1.315,
      0.6025,
      1.37,
      0.6575,
      1.425,
      0.7125
    ],
    "SoftwareVersions": "syngo_MR_D13",
    "StationName": "AWP45031",
    "TaskDescription": "Passively listened to audio story 'merlin'",
    "TaskName": "merlin",
    "TotalReadoutTime": 0.022365,
    "dataset": "ds002345",
    "modality": "bold",
    "subject_id": "179",
    "task_id": "merlin"
  },
  "dummy_trs": 0,
  "dvars_nstd": 22.244685196406714,
  "dvars_std": 1.0812331149388374,
  "dvars_vstd": 0.9764573782721708,
  "efc": 0.5464735962827938,
  "fber": 2157.935546875,
  "fd_mean": 0.20962707219545218,
  "fd_num": 244,
  "fd_perc": 37.25190839694657,
  "fwhm_avg": 1.732585277777778,
  "fwhm_x": 1.6863233333333334,
  "fwhm_y": 2.00304,
  "fwhm_z": 1.5083925,
  "gcor": 0.0210861,
  "gsr_x": -0.0032273107208311558,
  "gsr_y": 0.04249048978090286,
  "provenance": {
    "md5sum": "865cee4fd1f7da4b9889bb4556c2819d",
    "settings": {
      "fd_thres": 0.2,
      "testing": false
    },
    "software": "mriqc",
    "version": "22.0.0rc1",
    "webapi_port": null,
    "webapi_url": "https://mriqc.nimh.nih.gov/api/v1"
  },
  "size_t": 655,
  "size_x": 64,
  "size_y": 64,
  "size_z": 27,
  "snr": 7.613864912098861,
  "spacing_tr": 1.5,
  "spacing_x": 3.0,
  "spacing_y": 3.0,
  "spacing_z": 4.0,
  "summary_bg_k": 18.017805671502913,
  "summary_bg_mad": 9.291727851727,
  "summary_bg_mean": 33.010799407958984,
  "summary_bg_median": 13.493892669677734,
  "summary_bg_n": 60954.0,
  "summary_bg_p05": 5.9964124202728275,
  "summary_bg_p95": 134.77801132202126,
  "summary_bg_stdv": 54.26690673828125,
  "summary_fg_k": 2.6082889500231667,
  "summary_fg_mad": 76.02245574909536,
  "summary_fg_mean": 644.3314208984375,
  "summary_fg_median": 639.1664428710938,
  "summary_fg_n": 22287.0,
  "summary_fg_p05": 525.8775634765625,
  "summary_fg_p95": 782.3502197265625,
  "summary_fg_stdv": 83.94581604003906,
  "tsnr": 48.78478013211861
}