{
  "aor": 0.0003738501742160279,
  "aqi": 0.0174832868641115,
  "bids_meta": {
    "AcquisitionMatrixPE": 96,
    "BandwidthPerPixelPhaseEncode": 20.425,
    "BaseResolution": 96,
    "BodyPartExamined": "BRAIN",
    "ConsistencyInfo": "N4_VE11C_LATEST_20160120",
    "ConversionSoftware": "dcm2niix",
    "ConversionSoftwareVersion": "v1.0.20180328 GCC6.3.0",
    "DerivedVendorReportedEchoSpacing": 0.000509996,
    "DeviceSerialNumber": "66018",
    "DwellTime": 2.1e-06,
    "EchoTime": 0.031,
    "EchoTrainLength": 96,
    "EffectiveEchoSpacing": 0.000509996,
    "FlipAngle": 67,
    "ImageOrientationPatientDICOM": [
      1,
      0,
      0,
      0,
      1,
      0
    ],
    "ImageType": [
      "ORIGINAL",
      "PRIMARY",
      "M",
      "ND",
      "NORM",
      "MOSAIC"
    ],
    "InPlanePhaseEncodingDirectionDICOM": "COL",
    "InstitutionAddress": "Washington Rd, Princeton, NJ 08540, USA",
    "InstitutionName": "Princeton University",
    "InstitutionalDepartmentName": "Princeton Neuroscience Institute",
    "MRAcquisitionType": "2D",
    "MagneticFieldStrength": 3,
    "Manufacturer": "Siemens",
    "ManufacturersModelName": "Prisma",
    "Modality": "MR",
    "MultibandAccelerationFactor": 3,
    "NumberOfVolumesDiscardedByScanner": 3,
    "PartialFourier": 1,
    "PatientPosition": "HFS",
    "PercentPhaseFOV": 100,
    "PhaseEncodingDirection": "j-",
    "PhaseEncodingSteps": 96,
    "PhaseResolution": 1,
    "PixelBandwidth": 2480,
    "ProcedureStepDescription": "Hasson_Nastase_042518_Storyteller",
    "ProtocolName": "func_task-forgot",
    "PulseSequenceDetails": "%SiemensSeq%_ep2d_bold",
    "ReceiveCoilActiveElements": "HC1-7",
    "ReceiveCoilName": "HeadNeck_64",
    "ReconMatrixPE": 96,
    "RepetitionTime": 1.5,
    "SAR": 0.0488482,
    "ScanOptions": "FS",
    "ScanningSequence": "EP",
    "SequenceName": "_epfid2d1_96",
    "SequenceVariant": "SK",
    "SeriesDescription": "func_task-forgot",
    "SeriesNumber": 11,
    "ShimSetting": [
      761,
      521,
      2059,
      486,
      -93,
      -15,
      215,
      23
    ],
    "SliceThickness": 2.5,
    "SliceTiming": [
      1.11,
      0,
      0.74,
      0.0925,
      0.8325,
      0.185,
      0.925,
      0.2775,
      1.0175,
      0.4625,
      1.2025,
      0.555,
      1.295,
      0.6475,
      1.3875,
      0.37,
      1.11,
      0,
      0.74,
      0.0925,
      0.8325,
      0.185,
      0.925,
      0.2775,
      1.0175,
      0.4625,
      1.2025,
      0.555,
      1.295,
      0.6475,
      1.3875,
      0.37,
      1.11,
      0,
      0.74,
      0.0925,
      0.8325,
      0.185,
      0.925,
      0.2775,
      1.0175,
      0.4625,
      1.2025,
      0.555,
      1.295,
      0.6475,
      1.3875,
      0.37
    ],
    "SoftwareVersions": "syngo_MR_E11",
    "SpacingBetweenSlices": 2.5,
    "StationName": "AWP66018",
    "TaskDescription": "Passively listened to audio story 'forgot'",
    "TaskName": "forgot",
    "TotalReadoutTime": 0.0484496,
    "TxRefAmp": 255.418,
    "dataset": "ds002345",
    "modality": "bold",
    "subject_id": "272",
    "task_id": "forgot"
  },
  "dummy_trs": 0,
  "dvars_nstd": 37.31515261607328,
  "dvars_std": 1.2272488436823736,
  "dvars_vstd": 0.9623254620418845,
  "efc": 0.4787741117028516,
  "fber": 4522.43896484375,
  "fd_mean": 0.30902251809497633,
  "fd_num": 440,
  "fd_perc": 76.65505226480836,
  "fwhm_avg": 2.0474226666666664,
  "fwhm_x": 1.918912,
  "fwhm_y": 2.1834599999999997,
  "fwhm_z": 2.0398959999999997,
  "gcor": 0.0143436,
  "gsr_x": -0.012565210461616516,
  "gsr_y": 0.03412333130836487,
  "provenance": {
    "md5sum": "0fdc224ced03ebcf0794ac60fe56d144",
    "settings": {
      "fd_thres": 0.2,
      "testing": false
    },
    "software": "mriqc",
    "version": "22.0.0rc1",
    "webapi_port": null,
    "webapi_url": "https://mriqc.nimh.nih.gov/api/v1"
  },
  "size_t": 574,
  "size_x": 96,
  "size_y": 96,
  "size_z": 48,
  "snr": 6.253355891601194,
  "spacing_tr": 1.5,
  "spacing_x": 2.5,
  "spacing_y": 2.5,
  "spacing_z": 2.5,
  "summary_bg_k": 24.64716251957499,
  "summary_bg_mad": 7.606730810846218,
  "summary_bg_mean": 31.81838607788086,
  "summary_bg_median": 11.442508697509766,
  "summary_bg_n": 304067.0,
  "summary_bg_p05": 4.682926654815674,
  "summary_bg_p95": 134.46062622070318,
  "summary_bg_stdv": 59.316184997558594,
  "summary_fg_k": 1.6381074148447956,
  "summary_fg_mad": 118.01663874128977,
  "summary_fg_mean": 770.1680297851562,
  "summary_fg_median": 769.590576171875,
  "summary_fg_n": 76209.0,
  "summary_fg_p05": 586.691650390625,
  "summary_fg_p95": 969.3160400390624,
  "summary_fg_stdv": 123.0676040649414,
  "tsnr": 43.18111750623211
}