{
  "aor": 0.0005364189189189188,
  "aqi": 0.012324679864864864,
  "bids_meta": {
    "CogAtlasID": "https://www.cognitiveatlas.org/task/id/trm_4c8991fadfe01",
    "DeviceSerialNumber": "45031",
    "DwellTime": 5.4e-06,
    "EchoTime": 0.028,
    "EffectiveEchoSpacing": 0.000390001,
    "FlipAngle": 64,
    "InstitutionAddress": "Washington Rd, Princeton, NJ 08540, USA",
    "InstitutionName": "Princeton University",
    "InstitutionalDepartmentName": "Princeton Neuroscience Institute",
    "MagneticFieldStrength": 3,
    "Manufacturer": "Siemens",
    "ManufacturersModelName": "Skyra",
    "NumberOfVolumesDiscardedByScanner": 3,
    "ParallelReductionFactorInPlane": 2,
    "ParallelReductionType": "GRAPPA",
    "PartialFourier": 1,
    "PhaseEncodingDirection": "j-",
    "PixelBandwidth": 1445,
    "PulseSequenceDetails": "%SiemensSeq%_ep2d_bold",
    "PulseSequenceType": "Gradient Echo EPI",
    "ReceiveCoilActiveElements": "HE1-4",
    "ReceiveCoilName": "HeadNeck_20",
    "RepetitionTime": 1.52,
    "ScanOptions": "FS",
    "ScanningSequence": "EP",
    "SequenceName": "_epfid2d1_64",
    "SequenceVariant": "SK",
    "SliceTiming": [
      0,
      0.7775,
      0.0575,
      0.835,
      0.1125,
      0.89,
      0.1675,
      0.945,
      0.2225,
      1,
      0.2775,
      1.055,
      0.335,
      1.1125,
      0.39,
      1.1675,
      0.445,
      1.2225,
      0.5,
      1.2775,
      0.5575,
      1.335,
      0.6125,
      1.39,
      0.6675,
      1.445,
      0.7225
    ],
    "SoftwareVersions": "syngo_MR_E11",
    "StationName": "AWP45031",
    "TaskDescription": "Passively listened to audio story 'milkyway'",
    "TaskName": "milkyway",
    "TotalReadoutTime": 0.0245701,
    "dataset": "ds002345",
    "modality": "bold",
    "subject_id": "117",
    "task_id": "milkyway"
  },
  "dummy_trs": 1,
  "dvars_nstd": 20.02359134206781,
  "dvars_std": 1.0428899525423727,
  "dvars_vstd": 0.9338078554237288,
  "efc": 0.6611574099874178,
  "fber": 1017.3201904296875,
  "fd_mean": 0.1033431764140937,
  "fd_num": 8,
  "fd_perc": 2.7027027027027026,
  "fwhm_avg": 1.6697478205923713,
  "fwhm_x": 1.6161967951104477,
  "fwhm_y": 1.8381066666666666,
  "fwhm_z": 1.55494,
  "gcor": 0.011759,
  "gsr_x": -0.00650613009929657,
  "gsr_y": 0.05489802733063698,
  "provenance": {
    "md5sum": "11ac519afae36ba3730bcd6389db3048",
    "settings": {
      "fd_thres": 0.2,
      "testing": false
    },
    "software": "mriqc",
    "version": "22.0.0rc1",
    "webapi_port": null,
    "webapi_url": "https://mriqc.nimh.nih.gov/api/v1"
  },
  "size_t": 296,
  "size_x": 64,
  "size_y": 64,
  "size_z": 27,
  "snr": 7.117463534476024,
  "spacing_tr": 1.5199999809265137,
  "spacing_x": 2.999999761581421,
  "spacing_y": 3.0,
  "spacing_z": 4.0,
  "summary_bg_k": 13.703366456807014,
  "summary_bg_mad": 18.59263486986877,
  "summary_bg_mean": 58.08961486816406,
  "summary_bg_median": 22.114866256713867,
  "summary_bg_n": 46116.0,
  "summary_bg_p05": 7.871621608734131,
  "summary_bg_p95": 244.4864959716797,
  "summary_bg_stdv": 88.56200408935547,
  "summary_fg_k": 2.1446312615706775,
  "summary_fg_mad": 97.75406154009063,
  "summary_fg_mean": 772.3335571289062,
  "summary_fg_median": 760.711181640625,
  "summary_fg_n": 35340.0,
  "summary_fg_p05": 628.6008728027343,
  "summary_fg_p95": 960.3371765136717,
  "summary_fg_stdv": 106.87802124023438,
  "tsnr": 59.264107670634985
}