{
  "aor": 0.0008959666666666667,
  "aqi": 0.0079117228,
  "bids_meta": {
    "CogAtlasID": "https://www.cognitiveatlas.org/task/id/trm_4c8991fadfe01",
    "DeviceSerialNumber": "45031",
    "DwellTime": 5.4e-06,
    "EchoTime": 0.028,
    "EffectiveEchoSpacing": 0.000390001,
    "FlipAngle": 64,
    "InstitutionAddress": "Washington Rd, Princeton, NJ 08540, USA",
    "InstitutionName": "Princeton University",
    "InstitutionalDepartmentName": "Princeton Neuroscience Institute",
    "MagneticFieldStrength": 3,
    "Manufacturer": "Siemens",
    "ManufacturersModelName": "Skyra",
    "NumberOfVolumesDiscardedByScanner": 3,
    "ParallelReductionFactorInPlane": 2,
    "ParallelReductionType": "GRAPPA",
    "PartialFourier": 1,
    "PhaseEncodingDirection": "j-",
    "PixelBandwidth": 1445,
    "PulseSequenceDetails": "%SiemensSeq%_ep2d_bold",
    "PulseSequenceType": "Gradient Echo EPI",
    "ReceiveCoilActiveElements": "HE1-4",
    "ReceiveCoilName": "HeadNeck_20",
    "RepetitionTime": 1.5,
    "ScanOptions": "FS",
    "ScanningSequence": "EP",
    "SequenceName": "_epfid2d1_64",
    "SequenceVariant": "SK",
    "SliceTiming": [
      0,
      0.7775,
      0.055,
      0.8325,
      0.11,
      0.89,
      0.1675,
      0.945,
      0.2225,
      1,
      0.2775,
      1.055,
      0.3325,
      1.11,
      0.39,
      1.1675,
      0.445,
      1.2225,
      0.5,
      1.2775,
      0.555,
      1.3325,
      0.61,
      1.3875,
      0.6675,
      1.445,
      0.7225
    ],
    "SoftwareVersions": "syngo_MR_D11",
    "StationName": "AWP45031",
    "TaskDescription": "Passively listened to audio story 'pieman'",
    "TaskName": "pieman",
    "TotalReadoutTime": 0.0245701,
    "dataset": "ds002345",
    "modality": "bold",
    "run_id": 2,
    "subject_id": "002",
    "task_id": "pieman"
  },
  "dummy_trs": 0,
  "dvars_nstd": 28.315879841003355,
  "dvars_std": 1.3343203294648824,
  "dvars_vstd": 0.9884354477926426,
  "efc": 0.6689652502815197,
  "fber": 883.3150634765625,
  "fd_mean": 0.16391510641554585,
  "fd_num": 83,
  "fd_perc": 27.666666666666668,
  "fwhm_avg": 1.9034669444444445,
  "fwhm_x": 1.8566766666666668,
  "fwhm_y": 2.1537966666666666,
  "fwhm_z": 1.6999275,
  "gcor": 0.0228287,
  "gsr_x": -0.02187785878777504,
  "gsr_y": 0.0706995353102684,
  "provenance": {
    "md5sum": "4e6f2f40806da9aa8bfd0bf29c018d25",
    "settings": {
      "fd_thres": 0.2,
      "testing": false
    },
    "software": "mriqc",
    "version": "21.0.0rc2",
    "webapi_port": null,
    "webapi_url": "https://mriqc.nimh.nih.gov/api/v1"
  },
  "size_t": 300,
  "size_x": 64,
  "size_y": 64,
  "size_z": 27,
  "snr": 5.61720809681579,
  "spacing_tr": 1.5,
  "spacing_x": 3.0,
  "spacing_y": 3.0,
  "spacing_z": 4.0,
  "summary_bg_k": 14.074386636013102,
  "summary_bg_mad": 20.751490823796047,
  "summary_bg_mean": 63.85139846801758,
  "summary_bg_median": 22.711666107177734,
  "summary_bg_n": 45590.0,
  "summary_bg_p05": 6.9066667556762695,
  "summary_bg_p95": 278.74618377685505,
  "summary_bg_stdv": 102.31969451904297,
  "summary_fg_k": 2.4119712729523535,
  "summary_fg_mad": 111.00730736658117,
  "summary_fg_mean": 748.328857421875,
  "summary_fg_median": 731.4700317382812,
  "summary_fg_n": 35805.0,
  "summary_fg_p05": 581.5753662109375,
  "summary_fg_p95": 983.9140258789062,
  "summary_fg_stdv": 130.21768188476562,
  "tsnr": 62.40397104178555
}