{
  "aor": 0.0004,
  "aqi": 0.014977507400000001,
  "bids_meta": {
    "CogAtlasID": "https://www.cognitiveatlas.org/task/id/trm_4c8991fadfe01",
    "DeviceSerialNumber": "45031",
    "DwellTime": 5.4e-06,
    "EchoTime": 0.028,
    "EffectiveEchoSpacing": 0.000390001,
    "FlipAngle": 64,
    "InstitutionAddress": "Washington Rd, Princeton, NJ 08540, USA",
    "InstitutionName": "Princeton University",
    "InstitutionalDepartmentName": "Princeton Neuroscience Institute",
    "MagneticFieldStrength": 3,
    "Manufacturer": "Siemens",
    "ManufacturersModelName": "Skyra",
    "NumberOfVolumesDiscardedByScanner": 3,
    "ParallelReductionFactorInPlane": 2,
    "ParallelReductionType": "GRAPPA",
    "PartialFourier": 1,
    "PhaseEncodingDirection": "j-",
    "PixelBandwidth": 1445,
    "PulseSequenceDetails": "%SiemensSeq%_ep2d_bold",
    "PulseSequenceType": "Gradient Echo EPI",
    "ReceiveCoilActiveElements": "HE1-4",
    "ReceiveCoilName": "HeadNeck_20",
    "RepetitionTime": 1.5,
    "ScanOptions": "FS",
    "ScanningSequence": "EP",
    "SequenceName": "_epfid2d1_64",
    "SequenceVariant": "SK",
    "SliceTiming": [
      0,
      0.7775,
      0.055,
      0.8325,
      0.11,
      0.89,
      0.1675,
      0.945,
      0.2225,
      1,
      0.2775,
      1.055,
      0.3325,
      1.11,
      0.39,
      1.1675,
      0.445,
      1.2225,
      0.5,
      1.2775,
      0.555,
      1.3325,
      0.61,
      1.3875,
      0.6675,
      1.445,
      0.7225
    ],
    "SoftwareVersions": "syngo_MR_D11",
    "StationName": "AWP45031",
    "TaskDescription": "Passively listened to audio story 'pieman'",
    "TaskName": "pieman",
    "TotalReadoutTime": 0.0245701,
    "dataset": "ds002345",
    "modality": "bold",
    "run_id": 1,
    "subject_id": "002",
    "task_id": "pieman"
  },
  "dummy_trs": 0,
  "dvars_nstd": 29.105837991270906,
  "dvars_std": 1.2700229661872915,
  "dvars_vstd": 0.9493536037123748,
  "efc": 0.6701175728392752,
  "fber": 882.0982055664062,
  "fd_mean": 0.1653239534741264,
  "fd_num": 83,
  "fd_perc": 27.666666666666668,
  "fwhm_avg": 1.8917222222222223,
  "fwhm_x": 1.8531466666666667,
  "fwhm_y": 2.15116,
  "fwhm_z": 1.67086,
  "gcor": 0.0415414,
  "gsr_x": -0.022188931703567505,
  "gsr_y": 0.07083048671483994,
  "provenance": {
    "md5sum": "14451730dedf4228f6ef87e9cedfea0a",
    "settings": {
      "fd_thres": 0.2,
      "testing": false
    },
    "software": "mriqc",
    "version": "21.0.0rc2",
    "webapi_port": null,
    "webapi_url": "https://mriqc.nimh.nih.gov/api/v1"
  },
  "size_t": 300,
  "size_x": 64,
  "size_y": 64,
  "size_z": 27,
  "snr": 5.6775339349652105,
  "spacing_tr": 1.5,
  "spacing_x": 3.0,
  "spacing_y": 3.0,
  "spacing_z": 4.0,
  "summary_bg_k": 12.856746408097358,
  "summary_bg_mad": 19.31830651123049,
  "summary_bg_mean": 64.05306243896484,
  "summary_bg_median": 22.296667098999023,
  "summary_bg_n": 45609.0,
  "summary_bg_p05": 7.943333625793457,
  "summary_bg_p95": 279.20068359374994,
  "summary_bg_stdv": 100.55581665039062,
  "summary_fg_k": 2.4390617948060864,
  "summary_fg_mad": 109.9572062041881,
  "summary_fg_mean": 746.7907104492188,
  "summary_fg_median": 730.2783203125,
  "summary_fg_n": 35812.0,
  "summary_fg_p05": 583.3170135498046,
  "summary_fg_p95": 977.0440490722652,
  "summary_fg_stdv": 128.62417602539062,
  "tsnr": 50.07970059290528
}