{
  "aor": 0.000700298363811357,
  "aqi": 0.0065906620789220405,
  "bids_meta": {
    "CogAtlasID": "https://www.cognitiveatlas.org/task/id/trm_4c8991fadfe01",
    "DeviceSerialNumber": "45031",
    "DwellTime": 5.4e-06,
    "EchoTime": 0.028,
    "EffectiveEchoSpacing": 0.000390001,
    "FlipAngle": 64,
    "InstitutionAddress": "Washington Rd, Princeton, NJ 08540, USA",
    "InstitutionName": "Princeton University",
    "InstitutionalDepartmentName": "Princeton Neuroscience Institute",
    "MagneticFieldStrength": 3,
    "Manufacturer": "Siemens",
    "ManufacturersModelName": "Skyra",
    "NumberOfVolumesDiscardedByScanner": 3,
    "ParallelReductionFactorInPlane": 2,
    "ParallelReductionType": "GRAPPA",
    "PartialFourier": 1,
    "PhaseEncodingDirection": "j-",
    "PixelBandwidth": 1445,
    "PulseSequenceDetails": "%SiemensSeq%_ep2d_bold",
    "PulseSequenceType": "Gradient Echo EPI",
    "ReceiveCoilActiveElements": "HE1-4",
    "ReceiveCoilName": "HeadNeck_20",
    "RepetitionTime": 1.5,
    "ScanOptions": "FS",
    "ScanningSequence": "EP",
    "SequenceName": "_epfid2d1_64",
    "SequenceVariant": "SK",
    "SliceTiming": [
      0,
      0.7775,
      0.055,
      0.8325,
      0.1125,
      0.89,
      0.1675,
      0.945,
      0.2225,
      1,
      0.2775,
      1.055,
      0.3325,
      1.11,
      0.39,
      1.1675,
      0.445,
      1.2225,
      0.5,
      1.2775,
      0.555,
      1.3325,
      0.6125,
      1.39,
      0.6675,
      1.445,
      0.7225
    ],
    "SoftwareVersions": "syngo_MR_D11",
    "StationName": "AWP45031",
    "TaskDescription": "Passively listened to audio story 'tunnel'",
    "TaskName": "tunnel",
    "TotalReadoutTime": 0.0245701,
    "dataset": "ds002345",
    "modality": "bold",
    "subject_id": "059",
    "task_id": "tunnel"
  },
  "dummy_trs": 1,
  "dvars_nstd": 22.472391928005788,
  "dvars_std": 1.2640733425433535,
  "dvars_vstd": 1.0007514912042377,
  "efc": 0.6794099869042307,
  "fber": 929.8955688476562,
  "fd_mean": 0.10240663863093272,
  "fd_num": 11,
  "fd_perc": 1.0587102983638113,
  "fwhm_avg": 1.8772426424120854,
  "fwhm_x": 1.81599,
  "fwhm_y": 2.1124433333333332,
  "fwhm_z": 1.7032945939029231,
  "gcor": 0.112425,
  "gsr_x": -0.014330741949379444,
  "gsr_y": 0.0628657341003418,
  "provenance": {
    "md5sum": "4f021513376c0475c7efc4f59a1c4337",
    "settings": {
      "fd_thres": 0.2,
      "testing": false
    },
    "software": "mriqc",
    "version": "21.0.0rc2",
    "webapi_port": null,
    "webapi_url": "https://mriqc.nimh.nih.gov/api/v1"
  },
  "size_t": 1039,
  "size_x": 64,
  "size_y": 64,
  "size_z": 27,
  "snr": 6.24322254278993,
  "spacing_tr": 1.5,
  "spacing_x": 3.0,
  "spacing_y": 3.0,
  "spacing_z": 4.000000953674316,
  "summary_bg_k": 7.774381547323323,
  "summary_bg_mad": 20.516703809033427,
  "summary_bg_mean": 71.46122741699219,
  "summary_bg_median": 23.860443115234375,
  "summary_bg_n": 44707.0,
  "summary_bg_p05": 8.340712547302246,
  "summary_bg_p95": 291.43050537109366,
  "summary_bg_stdv": 101.60121154785156,
  "summary_fg_k": 1.3695727651715446,
  "summary_fg_mad": 120.31478981808893,
  "summary_fg_mean": 829.981201171875,
  "summary_fg_median": 815.6568603515625,
  "summary_fg_n": 36676.0,
  "summary_fg_p05": 649.8568420410156,
  "summary_fg_p95": 1063.9017944335938,
  "summary_fg_stdv": 130.64498901367188,
  "tsnr": 65.10178628319409
}