{
  "aor": 0.004297049999999999,
  "aqi": 0.00692176055,
  "bids_meta": {
    "CogAtlasID": "https://www.cognitiveatlas.org/task/id/trm_4c8991fadfe01",
    "DeviceSerialNumber": "45031",
    "DwellTime": 5.4e-06,
    "EchoTime": 0.028,
    "EffectiveEchoSpacing": 0.000390001,
    "FlipAngle": 64,
    "InstitutionAddress": "Washington Rd, Princeton, NJ 08540, USA",
    "InstitutionName": "Princeton University",
    "InstitutionalDepartmentName": "Princeton Neuroscience Institute",
    "MagneticFieldStrength": 3,
    "Manufacturer": "Siemens",
    "ManufacturersModelName": "Skyra",
    "NumberOfVolumesDiscardedByScanner": 3,
    "ParallelReductionFactorInPlane": 2,
    "ParallelReductionType": "GRAPPA",
    "PartialFourier": 1,
    "PhaseEncodingDirection": "j-",
    "PixelBandwidth": 1445,
    "PulseSequenceDetails": "%SiemensSeq%_ep2d_bold",
    "PulseSequenceType": "Gradient Echo EPI",
    "ReceiveCoilActiveElements": "HE1-4",
    "ReceiveCoilName": "HeadNeck_20",
    "RepetitionTime": 1.5,
    "ScanOptions": "FS",
    "ScanningSequence": "EP",
    "SequenceName": "_epfid2d1_64",
    "SequenceVariant": "SK",
    "SliceTiming": [
      0,
      0.7775,
      0.055,
      0.8325,
      0.11,
      0.8875,
      0.165,
      0.9425,
      0.2225,
      1,
      0.2775,
      1.055,
      0.3325,
      1.11,
      0.3875,
      1.165,
      0.445,
      1.2225,
      0.5,
      1.2775,
      0.555,
      1.3325,
      0.61,
      1.3875,
      0.665,
      1.4425,
      0.7225
    ],
    "SoftwareVersions": "syngo_MR_D11",
    "StationName": "AWP45031",
    "TaskDescription": "Passively listened to audio story 'notthefall'",
    "TaskName": "notthefall",
    "TotalReadoutTime": 0.0245701,
    "dataset": "ds002345",
    "modality": "bold",
    "subject_id": "144",
    "task_id": "notthefall"
  },
  "dummy_trs": 0,
  "dvars_nstd": 20.659132563107764,
  "dvars_std": 1.2158924454887217,
  "dvars_vstd": 1.0668455370927319,
  "efc": 0.6259221561956348,
  "fber": 1112.83984375,
  "fd_mean": 0.11278445592965783,
  "fd_num": 35,
  "fd_perc": 8.75,
  "fwhm_avg": 1.824843888888889,
  "fwhm_x": 1.7905300000000002,
  "fwhm_y": 2.0302166666666666,
  "fwhm_z": 1.653785,
  "gcor": 0.0338581,
  "gsr_x": -0.0060125854797661304,
  "gsr_y": 0.03103923797607422,
  "provenance": {
    "md5sum": "b3d439af517d53b4c61dd55d38363e98",
    "settings": {
      "fd_thres": 0.2,
      "testing": false
    },
    "software": "mriqc",
    "version": "22.0.0rc1",
    "webapi_port": null,
    "webapi_url": "https://mriqc.nimh.nih.gov/api/v1"
  },
  "size_t": 400,
  "size_x": 64,
  "size_y": 64,
  "size_z": 27,
  "snr": 7.312356742623207,
  "spacing_tr": 1.5,
  "spacing_x": 3.0,
  "spacing_y": 3.0,
  "spacing_z": 4.0,
  "summary_bg_k": 10.654779441353574,
  "summary_bg_mad": 15.897202061699172,
  "summary_bg_mean": 51.75361633300781,
  "summary_bg_median": 19.469999313354492,
  "summary_bg_n": 51286.0,
  "summary_bg_p05": 7.289999961853027,
  "summary_bg_p95": 224.94311904907227,
  "summary_bg_stdv": 77.83202362060547,
  "summary_fg_k": 2.6159680229804163,
  "summary_fg_mad": 86.09286662493298,
  "summary_fg_mean": 702.8612060546875,
  "summary_fg_median": 697.106201171875,
  "summary_fg_n": 29680.0,
  "summary_fg_p05": 567.8847595214844,
  "summary_fg_p95": 862.6243682861327,
  "summary_fg_stdv": 95.33102416992188,
  "tsnr": 71.85905062756501
}