{
  "aor": 0.0009009570957095708,
  "aqi": 0.011809786658415842,
  "bids_meta": {
    "CogAtlasID": "https://www.cognitiveatlas.org/task/id/trm_4c8991fadfe01",
    "DeviceSerialNumber": "45031",
    "DwellTime": 5.4e-06,
    "EchoTime": 0.028,
    "EffectiveEchoSpacing": 0.000390001,
    "FlipAngle": 64,
    "InstitutionAddress": "Washington Rd, Princeton, NJ 08540, USA",
    "InstitutionName": "Princeton University",
    "InstitutionalDepartmentName": "Princeton Neuroscience Institute",
    "MagneticFieldStrength": 3,
    "Manufacturer": "Siemens",
    "ManufacturersModelName": "Skyra",
    "NumberOfVolumesDiscardedByScanner": 3,
    "ParallelReductionFactorInPlane": 2,
    "ParallelReductionType": "GRAPPA",
    "PartialFourier": 1,
    "PhaseEncodingDirection": "j-",
    "PixelBandwidth": 1445,
    "PulseSequenceDetails": "%SiemensSeq%_ep2d_bold",
    "PulseSequenceType": "Gradient Echo EPI",
    "ReceiveCoilActiveElements": "HE1-4",
    "ReceiveCoilName": "HeadNeck_20",
    "RepetitionTime": 1.5,
    "ScanOptions": "FS",
    "ScanningSequence": "EP",
    "SequenceName": "_epfid2d1_64",
    "SequenceVariant": "SK",
    "SliceTiming": [
      0,
      0.7775,
      0.055,
      0.8325,
      0.11,
      0.8875,
      0.1675,
      0.945,
      0.2225,
      1,
      0.2775,
      1.055,
      0.3325,
      1.11,
      0.3875,
      1.165,
      0.445,
      1.2225,
      0.5,
      1.2775,
      0.555,
      1.3325,
      0.61,
      1.3875,
      0.6675,
      1.445,
      0.7225
    ],
    "SoftwareVersions": "syngo_MR_D11",
    "StationName": "AWP45031",
    "TaskDescription": "Passively listened to audio story 'slumlordreach'",
    "TaskName": "slumlordreach",
    "TotalReadoutTime": 0.0245701,
    "dataset": "ds002345",
    "modality": "bold",
    "subject_id": "144",
    "task_id": "slumlordreach"
  },
  "dummy_trs": 0,
  "dvars_nstd": 20.85683993052849,
  "dvars_std": 1.1209323386292314,
  "dvars_vstd": 0.9652962491081752,
  "efc": 0.6270688527339905,
  "fber": 1046.0098876953125,
  "fd_mean": 0.10699311809652469,
  "fd_num": 78,
  "fd_perc": 6.435643564356436,
  "fwhm_avg": 1.8383716666666665,
  "fwhm_x": 1.8067666666666666,
  "fwhm_y": 2.0650933333333334,
  "fwhm_z": 1.643255,
  "gcor": 0.125566,
  "gsr_x": -0.008653778582811356,
  "gsr_y": 0.03357572481036186,
  "provenance": {
    "md5sum": "c5f561647608118884cce27d382a9fe0",
    "settings": {
      "fd_thres": 0.2,
      "testing": false
    },
    "software": "mriqc",
    "version": "22.0.0rc1",
    "webapi_port": null,
    "webapi_url": "https://mriqc.nimh.nih.gov/api/v1"
  },
  "size_t": 1212,
  "size_x": 64,
  "size_y": 64,
  "size_z": 27,
  "snr": 7.283908106135908,
  "spacing_tr": 1.5,
  "spacing_x": 3.0,
  "spacing_y": 3.0,
  "spacing_z": 4.0,
  "summary_bg_k": 12.20055948838997,
  "summary_bg_mad": 17.085400757014465,
  "summary_bg_mean": 53.12892532348633,
  "summary_bg_median": 20.136138916015625,
  "summary_bg_n": 51227.0,
  "summary_bg_p05": 7.166914463043213,
  "summary_bg_p95": 230.04208984374995,
  "summary_bg_stdv": 80.95781707763672,
  "summary_fg_k": 2.3659325286010713,
  "summary_fg_mad": 87.88639543174335,
  "summary_fg_mean": 713.801025390625,
  "summary_fg_median": 708.1246337890625,
  "summary_fg_n": 29702.0,
  "summary_fg_p05": 576.0045227050781,
  "summary_fg_p95": 876.0705718994141,
  "summary_fg_stdv": 97.2160415649414,
  "tsnr": 54.636111189611256
}