{
  "aor": 0.0011401623376623377,
  "aqi": 0.003159214772727273,
  "bids_meta": {
    "CogAtlasID": "https://www.cognitiveatlas.org/task/id/trm_4c8991fadfe01",
    "DeviceSerialNumber": "66018",
    "DwellTime": 4.2e-06,
    "EchoTime": 0.039,
    "EffectiveEchoSpacing": 0.000929976,
    "FlipAngle": 50,
    "InstitutionAddress": "Washington Rd, Princeton, NJ 08540, USA",
    "InstitutionName": "Princeton University",
    "InstitutionalDepartmentName": "Princeton Neuroscience Institute",
    "MagneticFieldStrength": 3,
    "Manufacturer": "Siemens",
    "ManufacturersModelName": "Prisma",
    "NumberOfVolumesDiscardedByScanner": 3,
    "ParallelReductionType": "GRAPPA",
    "PartialFourier": 0.75,
    "PhaseEncodingDirection": "j-",
    "PixelBandwidth": 1240,
    "PulseSequenceDetails": "%CustomerSeq%_ep2d_bold_sms_mgh_v22",
    "PulseSequenceType": "Gradient Echo EPI",
    "ReceiveCoilActiveElements": "HC1-7;NC1,2",
    "ReceiveCoilName": "HeadNeck_64",
    "RepetitionTime": 1.5,
    "ScanOptions": "PFP_FS",
    "ScanningSequence": "EP",
    "SequenceName": "epfSM2d1_96",
    "SequenceVariant": "SK",
    "SliceTiming": [
      0.6925,
      0,
      0.79,
      0.1,
      0.8875,
      0.1975,
      0.9875,
      0.2975,
      1.085,
      0.395,
      1.185,
      0.495,
      1.2825,
      0.5925,
      1.3825,
      0.6925,
      0,
      0.79,
      0.1,
      0.8875,
      0.1975,
      0.9875,
      0.2975,
      1.085,
      0.395,
      1.185,
      0.495,
      1.2825,
      0.5925,
      1.3825,
      0.6925,
      0,
      0.79,
      0.1,
      0.8875,
      0.1975,
      0.9875,
      0.2975,
      1.085,
      0.395,
      1.185,
      0.495,
      1.2825,
      0.5925,
      1.3825,
      0.6925,
      0,
      0.79,
      0.1,
      0.8875,
      0.1975,
      0.9875,
      0.2975,
      1.085,
      0.395,
      1.185,
      0.495,
      1.2825,
      0.5925,
      1.3825
    ],
    "SoftwareVersions": "syngo_MR_D13D",
    "StationName": "AWP66018",
    "TaskDescription": "Passively listened to audio story 'shapessocial'",
    "TaskName": "shapessocial",
    "TotalReadoutTime": 0.0883478,
    "dataset": "ds002345",
    "modality": "bold",
    "subject_id": "186",
    "task_id": "shapessocial"
  },
  "dummy_trs": 1,
  "dvars_nstd": 33.25205204612378,
  "dvars_std": 1.12262381504886,
  "dvars_vstd": 1.0114571085016277,
  "efc": 0.6168804287895732,
  "fber": 281.50579833984375,
  "fd_mean": 0.0915960914691183,
  "fd_num": 3,
  "fd_perc": 0.974025974025974,
  "fwhm_avg": 2.9078316666666666,
  "fwhm_x": 2.63454,
  "fwhm_y": 3.139455,
  "fwhm_z": 2.9495,
  "gcor": 0.0110687,
  "gsr_x": -0.013653159141540527,
  "gsr_y": 0.08670757710933685,
  "provenance": {
    "md5sum": "f1e38e2152ecfb4f0ace8fcb812cd659",
    "settings": {
      "fd_thres": 0.2,
      "testing": false
    },
    "software": "mriqc",
    "version": "22.0.0rc1",
    "webapi_port": null,
    "webapi_url": "https://mriqc.nimh.nih.gov/api/v1"
  },
  "size_t": 308,
  "size_x": 96,
  "size_y": 96,
  "size_z": 60,
  "snr": 1.9790942868864216,
  "spacing_tr": 1.5,
  "spacing_x": 2.0,
  "spacing_y": 2.0,
  "spacing_z": 2.0,
  "summary_bg_k": 26.448795645982987,
  "summary_bg_mad": 9.569524181583244,
  "summary_bg_mean": 51.279205322265625,
  "summary_bg_median": 28.457792282104492,
  "summary_bg_n": 279670.0,
  "summary_bg_p05": 20.402597427368164,
  "summary_bg_p95": 161.2045440673828,
  "summary_bg_stdv": 58.19190979003906,
  "summary_fg_k": 3.8587548129467697,
  "summary_fg_mad": 214.65481226517545,
  "summary_fg_mean": 549.9022216796875,
  "summary_fg_median": 500.657470703125,
  "summary_fg_n": 179274.0,
  "summary_fg_p05": 249.62873001098632,
  "summary_fg_p95": 1011.3767944335942,
  "summary_fg_stdv": 252.97232055664062,
  "tsnr": 46.88879418652505
}