{
  "aor": 0.008903590733590733,
  "aqi": 0.013391216447876449,
  "bids_meta": {
    "CogAtlasID": "https://www.cognitiveatlas.org/task/id/trm_4c8991fadfe01",
    "DeviceSerialNumber": "66018",
    "DwellTime": 4.2e-06,
    "EchoTime": 0.039,
    "EffectiveEchoSpacing": 0.000929976,
    "FlipAngle": 50,
    "InstitutionAddress": "Washington Rd, Princeton, NJ 08540, USA",
    "InstitutionName": "Princeton University",
    "InstitutionalDepartmentName": "Princeton Neuroscience Institute",
    "MagneticFieldStrength": 3,
    "Manufacturer": "Siemens",
    "ManufacturersModelName": "Prisma",
    "NumberOfVolumesDiscardedByScanner": 3,
    "ParallelReductionType": "GRAPPA",
    "PartialFourier": 0.75,
    "PhaseEncodingDirection": "j-",
    "PixelBandwidth": 1240,
    "PulseSequenceDetails": "%CustomerSeq%_ep2d_bold_sms_mgh_v22",
    "PulseSequenceType": "Gradient Echo EPI",
    "ReceiveCoilActiveElements": "HC1-7;NC1,2",
    "ReceiveCoilName": "HeadNeck_64",
    "RepetitionTime": 1.5,
    "ScanOptions": "PFP_FS",
    "ScanningSequence": "EP",
    "SequenceName": "epfSM2d1_96",
    "SequenceVariant": "SK",
    "SliceTiming": [
      0.6925,
      0,
      0.79,
      0.1,
      0.8875,
      0.1975,
      0.9875,
      0.2975,
      1.085,
      0.395,
      1.185,
      0.495,
      1.2825,
      0.5925,
      1.3825,
      0.6925,
      0,
      0.79,
      0.1,
      0.8875,
      0.1975,
      0.9875,
      0.2975,
      1.085,
      0.395,
      1.185,
      0.495,
      1.2825,
      0.5925,
      1.3825,
      0.6925,
      0,
      0.79,
      0.1,
      0.8875,
      0.1975,
      0.9875,
      0.2975,
      1.085,
      0.395,
      1.185,
      0.495,
      1.2825,
      0.5925,
      1.3825,
      0.6925,
      0,
      0.79,
      0.1,
      0.8875,
      0.1975,
      0.9875,
      0.2975,
      1.085,
      0.395,
      1.185,
      0.495,
      1.2825,
      0.5925,
      1.3825
    ],
    "SoftwareVersions": "syngo_MR_D13D",
    "StationName": "AWP66018",
    "TaskDescription": "Passively listened to audio story 'schema'",
    "TaskName": "schema",
    "TotalReadoutTime": 0.0883478,
    "dataset": "ds002345",
    "modality": "bold",
    "run_id": 4,
    "subject_id": "186",
    "task_id": "schema"
  },
  "dummy_trs": 1,
  "dvars_nstd": 40.893031539129595,
  "dvars_std": 1.11138153918762,
  "dvars_vstd": 1.0447674728626697,
  "efc": 0.6215509905257074,
  "fber": 191.31919860839844,
  "fd_mean": 0.2053120029216815,
  "fd_num": 92,
  "fd_perc": 17.76061776061776,
  "fwhm_avg": 3.1337533333333334,
  "fwhm_x": 2.81053,
  "fwhm_y": 3.394475,
  "fwhm_z": 3.196255,
  "gcor": 0.0111059,
  "gsr_x": -0.023830588907003403,
  "gsr_y": 0.08170770108699799,
  "provenance": {
    "md5sum": "2615376b04eb5be49bfe13a7492eb3ee",
    "settings": {
      "fd_thres": 0.2,
      "testing": false
    },
    "software": "mriqc",
    "version": "22.0.0rc1",
    "webapi_port": null,
    "webapi_url": "https://mriqc.nimh.nih.gov/api/v1"
  },
  "size_t": 518,
  "size_x": 96,
  "size_y": 96,
  "size_z": 60,
  "snr": 1.7811154207685835,
  "spacing_tr": 1.5,
  "spacing_x": 2.0,
  "spacing_y": 2.0,
  "spacing_z": 2.0,
  "summary_bg_k": 28.959523428929234,
  "summary_bg_mad": 14.18203268229281,
  "summary_bg_mean": 61.136566162109375,
  "summary_bg_median": 35.45366668701172,
  "summary_bg_n": 272767.0,
  "summary_bg_p05": 23.51737403869629,
  "summary_bg_p95": 185.59266662597656,
  "summary_bg_stdv": 67.07763671875,
  "summary_fg_k": 4.8852219590315045,
  "summary_fg_mad": 232.62113869759474,
  "summary_fg_mean": 575.852294921875,
  "summary_fg_median": 513.9121704101562,
  "summary_fg_n": 184068.0,
  "summary_fg_p05": 248.43725204467773,
  "summary_fg_p95": 1109.112628173828,
  "summary_fg_stdv": 288.5331115722656,
  "tsnr": 26.64885437116027
}