{
  "aor": 0.0021718122977346273,
  "aqi": 0.004519554563106797,
  "bids_meta": {
    "CogAtlasID": "https://www.cognitiveatlas.org/task/id/trm_4c8991fadfe01",
    "DeviceSerialNumber": "66018",
    "DwellTime": 4.2e-06,
    "EchoTime": 0.039,
    "EffectiveEchoSpacing": 0.000929976,
    "FlipAngle": 50,
    "InstitutionAddress": "Washington Rd, Princeton, NJ 08540, USA",
    "InstitutionName": "Princeton University",
    "InstitutionalDepartmentName": "Princeton Neuroscience Institute",
    "MagneticFieldStrength": 3,
    "Manufacturer": "Siemens",
    "ManufacturersModelName": "Prisma",
    "NumberOfVolumesDiscardedByScanner": 3,
    "ParallelReductionType": "GRAPPA",
    "PartialFourier": 0.75,
    "PhaseEncodingDirection": "j-",
    "PixelBandwidth": 1240,
    "PulseSequenceDetails": "%CustomerSeq%_ep2d_bold_sms_mgh_v22",
    "PulseSequenceType": "Gradient Echo EPI",
    "ReceiveCoilActiveElements": "HC1-7;NC1,2",
    "ReceiveCoilName": "HeadNeck_64",
    "RepetitionTime": 1.5,
    "ScanOptions": "PFP_FS",
    "ScanningSequence": "EP",
    "SequenceName": "epfSM2d1_96",
    "SequenceVariant": "SK",
    "SliceTiming": [
      0.6925,
      0,
      0.79,
      0.1,
      0.8875,
      0.1975,
      0.9875,
      0.2975,
      1.085,
      0.395,
      1.185,
      0.495,
      1.2825,
      0.5925,
      1.3825,
      0.6925,
      0,
      0.79,
      0.1,
      0.8875,
      0.1975,
      0.9875,
      0.2975,
      1.085,
      0.395,
      1.185,
      0.495,
      1.2825,
      0.5925,
      1.3825,
      0.6925,
      0,
      0.79,
      0.1,
      0.8875,
      0.1975,
      0.9875,
      0.2975,
      1.085,
      0.395,
      1.185,
      0.495,
      1.2825,
      0.5925,
      1.3825,
      0.6925,
      0,
      0.79,
      0.1,
      0.8875,
      0.1975,
      0.9875,
      0.2975,
      1.085,
      0.395,
      1.185,
      0.495,
      1.2825,
      0.5925,
      1.3825
    ],
    "SoftwareVersions": "syngo_MR_D13D",
    "StationName": "AWP66018",
    "TaskDescription": "Passively listened to audio story 'shapesphysical'",
    "TaskName": "shapesphysical",
    "TotalReadoutTime": 0.0883478,
    "dataset": "ds002345",
    "modality": "bold",
    "subject_id": "186",
    "task_id": "shapesphysical"
  },
  "dummy_trs": 1,
  "dvars_nstd": 36.09447689181817,
  "dvars_std": 1.126731595649351,
  "dvars_vstd": 1.0149594911038968,
  "efc": 0.6183144115149687,
  "fber": 270.1437072753906,
  "fd_mean": 0.10013728928335619,
  "fd_num": 13,
  "fd_perc": 4.207119741100324,
  "fwhm_avg": 2.9119616666666666,
  "fwhm_x": 2.64217,
  "fwhm_y": 3.145345,
  "fwhm_z": 2.94837,
  "gcor": 0.0126928,
  "gsr_x": -0.01353180781006813,
  "gsr_y": 0.08628873527050018,
  "provenance": {
    "md5sum": "958f98744c84432797a893899c46884e",
    "settings": {
      "fd_thres": 0.2,
      "testing": false
    },
    "software": "mriqc",
    "version": "22.0.0rc1",
    "webapi_port": null,
    "webapi_url": "https://mriqc.nimh.nih.gov/api/v1"
  },
  "size_t": 309,
  "size_x": 96,
  "size_y": 96,
  "size_z": 60,
  "snr": 1.9755519579819458,
  "spacing_tr": 1.5,
  "spacing_x": 2.0,
  "spacing_y": 2.0,
  "spacing_z": 2.0,
  "summary_bg_k": 23.6989654778768,
  "summary_bg_mad": 9.955986599736512,
  "summary_bg_mean": 52.63189697265625,
  "summary_bg_median": 28.809062957763672,
  "summary_bg_n": 280274.0,
  "summary_bg_p05": 20.52103614807129,
  "summary_bg_p95": 167.61068344116197,
  "summary_bg_stdv": 59.5070915222168,
  "summary_fg_k": 3.766747766125812,
  "summary_fg_mad": 213.67466053606512,
  "summary_fg_mean": 546.9752197265625,
  "summary_fg_median": 497.3349609375,
  "summary_fg_n": 178730.0,
  "summary_fg_p05": 247.86053161621095,
  "summary_fg_p95": 1008.3002166748045,
  "summary_fg_stdv": 251.74411010742188,
  "tsnr": 41.70645207166672
}