{
  "aor": 0.0028885185185185186,
  "aqi": 0.009445689259259258,
  "bids_meta": {
    "CogAtlasID": "https://www.cognitiveatlas.org/task/id/trm_4c8991fadfe01",
    "DeviceSerialNumber": "45031",
    "DwellTime": 5.4e-06,
    "EchoTime": 0.028,
    "EffectiveEchoSpacing": 0.000390001,
    "FlipAngle": 64,
    "InstitutionAddress": "Washington Rd, Princeton, NJ 08540, USA",
    "InstitutionName": "Princeton University",
    "InstitutionalDepartmentName": "Princeton Neuroscience Institute",
    "MagneticFieldStrength": 3,
    "Manufacturer": "Siemens",
    "ManufacturersModelName": "Skyra",
    "NumberOfVolumesDiscardedByScanner": 3,
    "ParallelReductionFactorInPlane": 2,
    "ParallelReductionType": "GRAPPA",
    "PartialFourier": 1,
    "PhaseEncodingDirection": "j-",
    "PixelBandwidth": 1445,
    "PulseSequenceDetails": "%SiemensSeq%_ep2d_bold",
    "PulseSequenceType": "Gradient Echo EPI",
    "ReceiveCoilActiveElements": "HE1-4",
    "ReceiveCoilName": "HeadNeck_20",
    "RepetitionTime": 1.5,
    "ScanOptions": "FS",
    "ScanningSequence": "EP",
    "SequenceName": "_epfid2d1_64",
    "SequenceVariant": "SK",
    "SliceTiming": [
      0,
      0.7775,
      0.055,
      0.8325,
      0.11,
      0.8875,
      0.165,
      0.9425,
      0.22,
      0.9975,
      0.2775,
      1.055,
      0.3325,
      1.11,
      0.3875,
      1.165,
      0.4425,
      1.22,
      0.5,
      1.2775,
      0.555,
      1.3325,
      0.61,
      1.3875,
      0.665,
      1.4425,
      0.72
    ],
    "SoftwareVersions": "syngo_MR_D11",
    "StationName": "AWP45031",
    "TaskDescription": "Passively listened to audio story 'milkyway'",
    "TaskName": "milkyway",
    "TotalReadoutTime": 0.0245701,
    "dataset": "ds002345",
    "modality": "bold",
    "subject_id": "032",
    "task_id": "milkyway"
  },
  "dummy_trs": 0,
  "dvars_nstd": 21.04736054935811,
  "dvars_std": 1.171519894797297,
  "dvars_vstd": 1.0009668128378382,
  "efc": 0.6050340736516374,
  "fber": 1430.109619140625,
  "fd_mean": 0.1574280563171348,
  "fd_num": 77,
  "fd_perc": 25.925925925925927,
  "fwhm_avg": 1.6594363888888888,
  "fwhm_x": 1.6628233333333335,
  "fwhm_y": 1.8580133333333333,
  "fwhm_z": 1.4574725,
  "gcor": 0.033708,
  "gsr_x": -0.008288852870464325,
  "gsr_y": 0.049466393887996674,
  "provenance": {
    "md5sum": "0da4fb7574c4d5b59e27345ca59ce2c9",
    "settings": {
      "fd_thres": 0.2,
      "testing": false
    },
    "software": "mriqc",
    "version": "21.0.0rc2",
    "webapi_port": null,
    "webapi_url": "https://mriqc.nimh.nih.gov/api/v1"
  },
  "size_t": 297,
  "size_x": 64,
  "size_y": 64,
  "size_z": 27,
  "snr": 7.638050478022666,
  "spacing_tr": 1.5,
  "spacing_x": 3.0,
  "spacing_y": 3.0,
  "spacing_z": 4.0,
  "summary_bg_k": 17.230032581457447,
  "summary_bg_mad": 14.955811526072315,
  "summary_bg_mean": 49.40660095214844,
  "summary_bg_median": 19.24242401123047,
  "summary_bg_n": 54469.0,
  "summary_bg_p05": 7.299663066864014,
  "summary_bg_p95": 192.9299560546875,
  "summary_bg_stdv": 75.05680084228516,
  "summary_fg_k": 2.766709679411707,
  "summary_fg_mad": 88.99355108014521,
  "summary_fg_mean": 761.0467529296875,
  "summary_fg_median": 754.0875244140625,
  "summary_fg_n": 27602.0,
  "summary_fg_p05": 623.438021850586,
  "summary_fg_p95": 925.9514739990234,
  "summary_fg_stdv": 98.72595977783203,
  "tsnr": 68.03947677346878
}