{
  "aor": 0.0014714333333333332,
  "aqi": 0.009618661599999998,
  "bids_meta": {
    "CogAtlasID": "https://www.cognitiveatlas.org/task/id/trm_4c8991fadfe01",
    "DeviceSerialNumber": "45031",
    "DwellTime": 5.4e-06,
    "EchoTime": 0.028,
    "EffectiveEchoSpacing": 0.000390001,
    "FlipAngle": 64,
    "InstitutionAddress": "Washington Rd, Princeton, NJ 08540, USA",
    "InstitutionName": "Princeton University",
    "InstitutionalDepartmentName": "Princeton Neuroscience Institute",
    "MagneticFieldStrength": 3,
    "Manufacturer": "Siemens",
    "ManufacturersModelName": "Skyra",
    "NumberOfVolumesDiscardedByScanner": 3,
    "ParallelReductionFactorInPlane": 2,
    "ParallelReductionType": "GRAPPA",
    "PartialFourier": 1,
    "PhaseEncodingDirection": "j-",
    "PixelBandwidth": 1445,
    "PulseSequenceDetails": "%SiemensSeq%_ep2d_bold",
    "PulseSequenceType": "Gradient Echo EPI",
    "ReceiveCoilActiveElements": "HE1-4",
    "ReceiveCoilName": "HeadNeck_20",
    "RepetitionTime": 1.5,
    "ScanOptions": "FS",
    "ScanningSequence": "EP",
    "SequenceName": "_epfid2d1_64",
    "SequenceVariant": "SK",
    "SliceTiming": [
      0,
      0.7775,
      0.055,
      0.8325,
      0.11,
      0.89,
      0.1675,
      0.945,
      0.2225,
      1,
      0.2775,
      1.055,
      0.3325,
      1.11,
      0.39,
      1.1675,
      0.445,
      1.2225,
      0.5,
      1.2775,
      0.555,
      1.3325,
      0.61,
      1.3875,
      0.6675,
      1.445,
      0.7225
    ],
    "SoftwareVersions": "syngo_MR_D11",
    "StationName": "AWP45031",
    "TaskDescription": "Passively listened to audio story 'pieman'",
    "TaskName": "pieman",
    "TotalReadoutTime": 0.0245701,
    "dataset": "ds002345",
    "modality": "bold",
    "subject_id": "051",
    "task_id": "pieman"
  },
  "dummy_trs": 0,
  "dvars_nstd": 24.550773958494975,
  "dvars_std": 1.2105434833444824,
  "dvars_vstd": 0.9753221018729096,
  "efc": 0.5617039893626581,
  "fber": 1767.2777099609375,
  "fd_mean": 0.17357593008262204,
  "fd_num": 90,
  "fd_perc": 30.0,
  "fwhm_avg": 1.6988947222222224,
  "fwhm_x": 1.6383766666666668,
  "fwhm_y": 1.91802,
  "fwhm_z": 1.5402875,
  "gcor": 0.0421036,
  "gsr_x": -0.01901361718773842,
  "gsr_y": 0.03175408020615578,
  "provenance": {
    "md5sum": "15c9a1402ca69af7d8b638b10d478c60",
    "settings": {
      "fd_thres": 0.2,
      "testing": false
    },
    "software": "mriqc",
    "version": "21.0.0rc2",
    "webapi_port": null,
    "webapi_url": "https://mriqc.nimh.nih.gov/api/v1"
  },
  "size_t": 300,
  "size_x": 64,
  "size_y": 64,
  "size_z": 27,
  "snr": 7.7085658171363045,
  "spacing_tr": 1.5,
  "spacing_x": 3.0,
  "spacing_y": 3.0,
  "spacing_z": 4.0,
  "summary_bg_k": 16.089447309549595,
  "summary_bg_mad": 10.244781103646565,
  "summary_bg_mean": 38.68844223022461,
  "summary_bg_median": 15.216667175292969,
  "summary_bg_n": 59991.0,
  "summary_bg_p05": 6.956666946411133,
  "summary_bg_p95": 156.1550064086914,
  "summary_bg_stdv": 62.6494255065918,
  "summary_fg_k": 2.610517830666466,
  "summary_fg_mad": 81.77043505326259,
  "summary_fg_mean": 671.8759155273438,
  "summary_fg_median": 668.126708984375,
  "summary_fg_n": 22850.0,
  "summary_fg_p05": 547.1996765136719,
  "summary_fg_p95": 811.5916931152343,
  "summary_fg_stdv": 86.67138671875,
  "tsnr": 65.91398799209855
}