{
  "aor": 0.0022346727272727273,
  "aqi": 0.01052999241818182,
  "bids_meta": {
    "AcquisitionMatrixPE": 96,
    "BandwidthPerPixelPhaseEncode": 20.425,
    "BaseResolution": 96,
    "BodyPartExamined": "BRAIN",
    "ConsistencyInfo": "N4_VE11C_LATEST_20160120",
    "ConversionSoftware": "dcm2niix",
    "ConversionSoftwareVersion": "v1.0.20180328 GCC6.3.0",
    "DerivedVendorReportedEchoSpacing": 0.000509996,
    "DeviceSerialNumber": "66018",
    "DwellTime": 2.1e-06,
    "EchoTime": 0.031,
    "EchoTrainLength": 96,
    "EffectiveEchoSpacing": 0.000509996,
    "FlipAngle": 67,
    "ImageOrientationPatientDICOM": [
      1,
      0,
      0,
      0,
      1,
      0
    ],
    "ImageType": [
      "ORIGINAL",
      "PRIMARY",
      "M",
      "ND",
      "NORM",
      "MOSAIC"
    ],
    "InPlanePhaseEncodingDirectionDICOM": "COL",
    "InstitutionAddress": "Washington Rd, Princeton, NJ 08540, USA",
    "InstitutionName": "Princeton University",
    "InstitutionalDepartmentName": "Princeton Neuroscience Institute",
    "MRAcquisitionType": "2D",
    "MagneticFieldStrength": 3,
    "Manufacturer": "Siemens",
    "ManufacturersModelName": "Prisma",
    "Modality": "MR",
    "MultibandAccelerationFactor": 3,
    "NumberOfVolumesDiscardedByScanner": 3,
    "PartialFourier": 1,
    "PatientPosition": "HFS",
    "PercentPhaseFOV": 100,
    "PhaseEncodingDirection": "j-",
    "PhaseEncodingSteps": 96,
    "PhaseResolution": 1,
    "PixelBandwidth": 2480,
    "ProcedureStepDescription": "Hasson_Nastase_042518_Storyteller",
    "ProtocolName": "func_task-black",
    "PulseSequenceDetails": "%SiemensSeq%_ep2d_bold",
    "ReceiveCoilActiveElements": "HC1-7;NC1",
    "ReceiveCoilName": "HeadNeck_64",
    "ReconMatrixPE": 96,
    "RepetitionTime": 1.5,
    "SAR": 0.0442744,
    "ScanOptions": "FS",
    "ScanningSequence": "EP",
    "SequenceName": "_epfid2d1_96",
    "SequenceVariant": "SK",
    "SeriesDescription": "func_task-black",
    "SeriesNumber": 10,
    "ShimSetting": [
      753,
      532,
      2111,
      677,
      -93,
      64,
      261,
      37
    ],
    "SliceThickness": 2.5,
    "SliceTiming": [
      1.11,
      0,
      0.74,
      0.0925,
      0.8325,
      0.185,
      0.925,
      0.2775,
      1.0175,
      0.4625,
      1.2025,
      0.555,
      1.295,
      0.6475,
      1.3875,
      0.37,
      1.11,
      0,
      0.74,
      0.0925,
      0.8325,
      0.185,
      0.925,
      0.2775,
      1.0175,
      0.4625,
      1.2025,
      0.555,
      1.295,
      0.6475,
      1.3875,
      0.37,
      1.11,
      0,
      0.74,
      0.0925,
      0.8325,
      0.185,
      0.925,
      0.2775,
      1.0175,
      0.4625,
      1.2025,
      0.555,
      1.295,
      0.6475,
      1.3875,
      0.37
    ],
    "SoftwareVersions": "syngo_MR_E11",
    "SpacingBetweenSlices": 2.5,
    "StationName": "AWP66018",
    "TaskDescription": "Passively listened to audio story 'black'",
    "TaskName": "black",
    "TotalReadoutTime": 0.0484496,
    "TxRefAmp": 226.616,
    "dataset": "ds002345",
    "modality": "bold",
    "subject_id": "280",
    "task_id": "black"
  },
  "dummy_trs": 0,
  "dvars_nstd": 30.72506380701276,
  "dvars_std": 1.314419564462659,
  "dvars_vstd": 1.0179897824408022,
  "efc": 0.45057522132856825,
  "fber": 4972.07861328125,
  "fd_mean": 0.1514320826658363,
  "fd_num": 125,
  "fd_perc": 22.727272727272727,
  "fwhm_avg": 1.941788,
  "fwhm_x": 1.8614439999999999,
  "fwhm_y": 2.071056,
  "fwhm_z": 1.892864,
  "gcor": 0.0198879,
  "gsr_x": -0.014600035734474659,
  "gsr_y": 0.032211560755968094,
  "provenance": {
    "md5sum": "bd9569202a7f3f1364d787103dc12309",
    "settings": {
      "fd_thres": 0.2,
      "testing": false
    },
    "software": "mriqc",
    "version": "22.0.0rc1",
    "webapi_port": null,
    "webapi_url": "https://mriqc.nimh.nih.gov/api/v1"
  },
  "size_t": 550,
  "size_x": 96,
  "size_y": 96,
  "size_z": 48,
  "snr": 6.171023399907358,
  "spacing_tr": 1.5,
  "spacing_x": 2.5,
  "spacing_y": 2.5,
  "spacing_z": 2.5,
  "summary_bg_k": 25.517129338296133,
  "summary_bg_mad": 6.377885460184539,
  "summary_bg_mean": 30.023229598999023,
  "summary_bg_median": 10.789091110229492,
  "summary_bg_n": 316957.0,
  "summary_bg_p05": 4.930909156799316,
  "summary_bg_p95": 127.00436553955082,
  "summary_bg_stdv": 59.291786193847656,
  "summary_fg_k": 2.874790698319238,
  "summary_fg_mad": 109.71396677771452,
  "summary_fg_mean": 757.6561889648438,
  "summary_fg_median": 755.938232421875,
  "summary_fg_n": 65124.0,
  "summary_fg_p05": 581.6935638427734,
  "summary_fg_p95": 948.8324890136719,
  "summary_fg_stdv": 122.4970932006836,
  "tsnr": 55.622741824481636
}