{
  "aor": 0.002423179487179487,
  "aqi": 0.007574092128205128,
  "bids_meta": {
    "AcquisitionMatrixPE": 96,
    "BandwidthPerPixelPhaseEncode": 20.425,
    "BaseResolution": 96,
    "BodyPartExamined": "BRAIN",
    "ConsistencyInfo": "N4_VE11C_LATEST_20160120",
    "ConversionSoftware": "dcm2niix",
    "ConversionSoftwareVersion": "v1.0.20180328 GCC6.3.0",
    "DerivedVendorReportedEchoSpacing": 0.000509996,
    "DeviceSerialNumber": "66018",
    "DwellTime": 2.1e-06,
    "EchoTime": 0.031,
    "EchoTrainLength": 96,
    "EffectiveEchoSpacing": 0.000509996,
    "FlipAngle": 67,
    "ImageOrientationPatientDICOM": [
      1,
      0,
      0,
      0,
      1,
      0
    ],
    "ImageType": [
      "ORIGINAL",
      "PRIMARY",
      "M",
      "ND",
      "NORM",
      "MOSAIC"
    ],
    "InPlanePhaseEncodingDirectionDICOM": "COL",
    "InstitutionAddress": "Washington Rd, Princeton, NJ 08540, USA",
    "InstitutionName": "Princeton University",
    "InstitutionalDepartmentName": "Princeton Neuroscience Institute",
    "MRAcquisitionType": "2D",
    "MagneticFieldStrength": 3,
    "Manufacturer": "Siemens",
    "ManufacturersModelName": "Prisma",
    "Modality": "MR",
    "MultibandAccelerationFactor": 3,
    "NumberOfVolumesDiscardedByScanner": 3,
    "PartialFourier": 1,
    "PatientPosition": "HFS",
    "PercentPhaseFOV": 100,
    "PhaseEncodingDirection": "j-",
    "PhaseEncodingSteps": 96,
    "PhaseResolution": 1,
    "PixelBandwidth": 2480,
    "ProcedureStepDescription": "Hasson_Nastase_042518_Storyteller",
    "ProtocolName": "func_task-bronx",
    "PulseSequenceDetails": "%SiemensSeq%_ep2d_bold",
    "ReceiveCoilActiveElements": "HC1-7;NC1",
    "ReceiveCoilName": "HeadNeck_64",
    "ReconMatrixPE": 96,
    "RepetitionTime": 1.5,
    "SAR": 0.0442506,
    "ScanOptions": "FS",
    "ScanningSequence": "EP",
    "SequenceName": "_epfid2d1_96",
    "SequenceVariant": "SK",
    "SeriesDescription": "func_task-bronx",
    "SeriesNumber": 8,
    "ShimSetting": [
      753,
      532,
      2111,
      677,
      -93,
      64,
      261,
      37
    ],
    "SliceThickness": 2.5,
    "SliceTiming": [
      1.11,
      0,
      0.74,
      0.0925,
      0.8325,
      0.185,
      0.925,
      0.2775,
      1.0175,
      0.4625,
      1.2025,
      0.555,
      1.295,
      0.6475,
      1.3875,
      0.37,
      1.11,
      0,
      0.74,
      0.0925,
      0.8325,
      0.185,
      0.925,
      0.2775,
      1.0175,
      0.4625,
      1.2025,
      0.555,
      1.295,
      0.6475,
      1.3875,
      0.37,
      1.11,
      0,
      0.74,
      0.0925,
      0.8325,
      0.185,
      0.925,
      0.2775,
      1.0175,
      0.4625,
      1.2025,
      0.555,
      1.295,
      0.6475,
      1.3875,
      0.37
    ],
    "SoftwareVersions": "syngo_MR_E11",
    "SpacingBetweenSlices": 2.5,
    "StationName": "AWP66018",
    "TaskDescription": "Passively listened to audio story 'bronx'",
    "TaskName": "bronx",
    "TotalReadoutTime": 0.0484496,
    "TxRefAmp": 226.616,
    "dataset": "ds002345",
    "modality": "bold",
    "subject_id": "280",
    "task_id": "bronx"
  },
  "dummy_trs": 0,
  "dvars_nstd": 32.64778436313626,
  "dvars_std": 1.4437765517223644,
  "dvars_vstd": 1.0329608814395892,
  "efc": 0.461885001647787,
  "fber": 4122.4609375,
  "fd_mean": 0.13905566787453225,
  "fd_num": 42,
  "fd_perc": 10.76923076923077,
  "fwhm_avg": 1.9488493333333334,
  "fwhm_x": 1.8643239999999999,
  "fwhm_y": 2.065992,
  "fwhm_z": 1.9162320000000002,
  "gcor": 0.0134493,
  "gsr_x": -0.01980852149426937,
  "gsr_y": 0.027727477252483368,
  "provenance": {
    "md5sum": "b61ab474b5b1fa1fcc745d879deed5bf",
    "settings": {
      "fd_thres": 0.2,
      "testing": false
    },
    "software": "mriqc",
    "version": "22.0.0rc1",
    "webapi_port": null,
    "webapi_url": "https://mriqc.nimh.nih.gov/api/v1"
  },
  "size_t": 390,
  "size_x": 96,
  "size_y": 96,
  "size_z": 48,
  "snr": 6.08298902884635,
  "spacing_tr": 1.5,
  "spacing_x": 2.5,
  "spacing_y": 2.5,
  "spacing_z": 2.5,
  "summary_bg_k": 24.196065655761494,
  "summary_bg_mad": 6.854184091599593,
  "summary_bg_mean": 31.38237953186035,
  "summary_bg_median": 11.494872093200684,
  "summary_bg_n": 312975.0,
  "summary_bg_p05": 5.356410503387451,
  "summary_bg_p95": 131.45205230712887,
  "summary_bg_stdv": 59.814701080322266,
  "summary_fg_k": 2.634797367115513,
  "summary_fg_mad": 111.83765148016806,
  "summary_fg_mean": 747.1520385742188,
  "summary_fg_median": 745.6974487304688,
  "summary_fg_n": 67555.0,
  "summary_fg_p05": 571.9359130859375,
  "summary_fg_p95": 940.0787597656249,
  "summary_fg_stdv": 122.58643341064453,
  "tsnr": 64.10351490834728
}