{
  "bids_meta": {
    "DeviceSerialNumber": "45031",
    "DwellTime": 8.2e-06,
    "EchoTime": 0.00308,
    "FlipAngle": 9,
    "InstitutionAddress": "Washington Rd, Princeton, NJ 08540, USA",
    "InstitutionName": "Princeton University",
    "InstitutionalDepartmentName": "Princeton Neuroscience Institute",
    "InversionTime": 0.9,
    "MagneticFieldStrength": 3,
    "Manufacturer": "Siemens",
    "ManufacturersModelName": "Skyra",
    "ParallelReductionFactorInPlane": 2,
    "ParallelReductionType": "GRAPPA",
    "PartialFourier": 1,
    "PixelBandwidth": 240,
    "PulseSequenceDetails": "%SiemensSeq%_tfl",
    "PulseSequenceType": "MPRAGE",
    "ReceiveCoilActiveElements": "HE1-4",
    "ReceiveCoilName": "HeadNeck_20",
    "RepetitionTime": 2.3,
    "ScanOptions": "IR",
    "ScanningSequence": "GR_IR",
    "SequenceName": "_tfl3d1_16ns",
    "SequenceVariant": "SK_SP_MP",
    "SoftwareVersions": "syngo_MR_D13",
    "StationName": "AWP45031",
    "dataset": "ds002345",
    "modality": "T1w",
    "subject_id": "147"
  },
  "cjv": 0.5948547943986132,
  "cnr": 2.2024515102204654,
  "efc": 0.6663146353208573,
  "fber": 883.2619460973888,
  "fwhm_avg": 3.256029693808484,
  "fwhm_x": 3.289066535970905,
  "fwhm_y": 3.4528814545454547,
  "fwhm_z": 3.026141090909091,
  "icvs_csf": 0.17139189536887556,
  "icvs_gm": 0.42779263421052277,
  "icvs_wm": 0.40081547042060167,
  "inu_med": 1.2592229843139648,
  "inu_range": 0.47538435459136963,
  "provenance": {
    "md5sum": "a9c6c2dfe954956a9997365593155f34",
    "settings": {
      "testing": false
    },
    "software": "mriqc",
    "version": "22.0.0rc1",
    "warnings": {
      "large_rot_frame": true,
      "small_air_mask": false
    },
    "webapi_port": null,
    "webapi_url": "https://mriqc.nimh.nih.gov/api/v1"
  },
  "qi_1": 4.391023117795781e-06,
  "qi_2": 0.0034251574140947965,
  "rpve_csf": 20.072774734128263,
  "rpve_gm": 8.973318088189087,
  "rpve_wm": 11.33972782020443,
  "size_x": 192,
  "size_y": 256,
  "size_z": 256,
  "snr_csf": 2.725285225400274,
  "snr_gm": 8.93983131634165,
  "snr_total": 8.830267476540905,
  "snr_wm": 14.825685887880795,
  "snrd_csf": 17.850222796290556,
  "snrd_gm": 39.97658199736552,
  "snrd_total": 36.86499081369032,
  "snrd_wm": 52.768167647414884,
  "spacing_x": 0.9000000357627869,
  "spacing_y": 0.859375,
  "spacing_z": 0.859375,
  "summary_bg_k": 1032.981563992153,
  "summary_bg_mad": 12.415370823329322,
  "summary_bg_mean": 21.806431297635577,
  "summary_bg_median": 19.626657105982304,
  "summary_bg_n": 2924919.0,
  "summary_bg_p05": 2.878576375544071,
  "summary_bg_p95": 47.62735457718372,
  "summary_bg_stdv": 19.580091255287485,
  "summary_csf_k": -0.0177546034176288,
  "summary_csf_mad": 123.76572789506419,
  "summary_csf_mean": 362.18715336360054,
  "summary_csf_median": 338.2763389199972,
  "summary_csf_n": 21914.0,
  "summary_csf_p05": 195.13258642703295,
  "summary_csf_p95": 588.1018764823675,
  "summary_csf_stdv": 124.12228173740215,
  "summary_gm_k": 0.2455094931424533,
  "summary_gm_mad": 79.92394967518251,
  "summary_gm_mean": 758.9677538898769,
  "summary_gm_median": 757.5889642909169,
  "summary_gm_n": 34667.0,
  "summary_gm_p05": 622.9937113374472,
  "summary_gm_p95": 905.1552568517623,
  "summary_gm_stdv": 84.74187160203489,
  "summary_wm_k": 0.5018578849999908,
  "summary_wm_mad": 64.27540936661119,
  "summary_wm_mean": 1000.0156354638572,
  "summary_wm_median": 999.9999869465828,
  "summary_wm_n": 404661.0,
  "summary_wm_p05": 889.0439521074295,
  "summary_wm_p95": 1109.7348075658083,
  "summary_wm_stdv": 67.45042077015371,
  "tpm_overlap_csf": 0.18182235956192017,
  "tpm_overlap_gm": 0.4375465214252472,
  "tpm_overlap_wm": 0.5008965730667114,
  "wm2max": 0.3954529192412697
}