{
  "aor": 0.0006801004016064257,
  "aqi": 0.0057997482931726905,
  "bids_meta": {
    "CogAtlasID": "https://www.cognitiveatlas.org/task/id/trm_4c8991fadfe01",
    "DeviceSerialNumber": "66018",
    "DwellTime": 4.2e-06,
    "EchoTime": 0.039,
    "EffectiveEchoSpacing": 0.000929976,
    "FlipAngle": 50,
    "InstitutionAddress": "Washington Rd, Princeton, NJ 08540, USA",
    "InstitutionName": "Princeton University",
    "InstitutionalDepartmentName": "Princeton Neuroscience Institute",
    "MagneticFieldStrength": 3,
    "Manufacturer": "Siemens",
    "ManufacturersModelName": "Prisma",
    "NumberOfVolumesDiscardedByScanner": 3,
    "ParallelReductionType": "GRAPPA",
    "PartialFourier": 0.75,
    "PhaseEncodingDirection": "j-",
    "PixelBandwidth": 1240,
    "PulseSequenceDetails": "%CustomerSeq%_ep2d_bold_sms_mgh_v22",
    "PulseSequenceType": "Gradient Echo EPI",
    "ReceiveCoilActiveElements": "HC1-7;NC1,2",
    "ReceiveCoilName": "HeadNeck_64",
    "RepetitionTime": 1.5,
    "ScanOptions": "PFP_FS",
    "ScanningSequence": "EP",
    "SequenceName": "epfSM2d1_96",
    "SequenceVariant": "SK",
    "SliceTiming": [
      0.6925,
      0,
      0.79,
      0.1,
      0.8875,
      0.1975,
      0.9875,
      0.2975,
      1.085,
      0.395,
      1.185,
      0.495,
      1.2825,
      0.5925,
      1.3825,
      0.6925,
      0,
      0.79,
      0.1,
      0.8875,
      0.1975,
      0.9875,
      0.2975,
      1.085,
      0.395,
      1.185,
      0.495,
      1.2825,
      0.5925,
      1.3825,
      0.6925,
      0,
      0.79,
      0.1,
      0.8875,
      0.1975,
      0.9875,
      0.2975,
      1.085,
      0.395,
      1.185,
      0.495,
      1.2825,
      0.5925,
      1.3825,
      0.6925,
      0,
      0.79,
      0.1,
      0.8875,
      0.1975,
      0.9875,
      0.2975,
      1.085,
      0.395,
      1.185,
      0.495,
      1.2825,
      0.5925,
      1.3825
    ],
    "SoftwareVersions": "syngo_MR_D13D",
    "StationName": "AWP66018",
    "TaskDescription": "Passively listened to audio story 'schema'",
    "TaskName": "schema",
    "TotalReadoutTime": 0.0883478,
    "dataset": "ds002345",
    "modality": "bold",
    "run_id": 1,
    "subject_id": "181",
    "task_id": "schema"
  },
  "dummy_trs": 1,
  "dvars_nstd": 37.207618502414476,
  "dvars_std": 1.1940430674044273,
  "dvars_vstd": 0.9969508003018107,
  "efc": 0.6053358175770971,
  "fber": 225.9443359375,
  "fd_mean": 0.0829774738722198,
  "fd_num": 7,
  "fd_perc": 1.4056224899598393,
  "fwhm_avg": 2.878038333333333,
  "fwhm_x": 2.62534,
  "fwhm_y": 3.06031,
  "fwhm_z": 2.948465,
  "gcor": 0.0121097,
  "gsr_x": -0.022852489724755287,
  "gsr_y": 0.09509490430355072,
  "provenance": {
    "md5sum": "69f79ed20ca7f387641f5c901f3eef0b",
    "settings": {
      "fd_thres": 0.2,
      "testing": false
    },
    "software": "mriqc",
    "version": "22.0.0rc1",
    "webapi_port": null,
    "webapi_url": "https://mriqc.nimh.nih.gov/api/v1"
  },
  "size_t": 498,
  "size_x": 96,
  "size_y": 96,
  "size_z": 60,
  "snr": 1.878485036026883,
  "spacing_tr": 1.5,
  "spacing_x": 2.0,
  "spacing_y": 2.0,
  "spacing_z": 2.0,
  "summary_bg_k": 37.21046823345691,
  "summary_bg_mad": 10.797988480897297,
  "summary_bg_mean": 58.6000862121582,
  "summary_bg_median": 29.9016056060791,
  "summary_bg_n": 296158.0,
  "summary_bg_p05": 21.14859390258789,
  "summary_bg_p95": 201.02469558715805,
  "summary_bg_stdv": 80.49398803710938,
  "summary_fg_k": 4.072596885959902,
  "summary_fg_mad": 201.87949390554508,
  "summary_fg_mean": 520.4255981445312,
  "summary_fg_median": 473.71484375,
  "summary_fg_n": 162962.0,
  "summary_fg_p05": 219.3836296081543,
  "summary_fg_p95": 996.2144409179687,
  "summary_fg_stdv": 252.1784210205078,
  "tsnr": 41.64616392320022
}