{
  "aor": 0.000885580589254766,
  "aqi": 0.006950393968804159,
  "bids_meta": {
    "CogAtlasID": "https://www.cognitiveatlas.org/task/id/trm_4c8991fadfe01",
    "DeviceSerialNumber": "66018",
    "DwellTime": 4.2e-06,
    "EchoTime": 0.039,
    "EffectiveEchoSpacing": 0.000929976,
    "FlipAngle": 50,
    "InstitutionAddress": "Washington Rd, Princeton, NJ 08540, USA",
    "InstitutionName": "Princeton University",
    "InstitutionalDepartmentName": "Princeton Neuroscience Institute",
    "MagneticFieldStrength": 3,
    "Manufacturer": "Siemens",
    "ManufacturersModelName": "Prisma",
    "NumberOfVolumesDiscardedByScanner": 3,
    "ParallelReductionType": "GRAPPA",
    "PartialFourier": 0.75,
    "PhaseEncodingDirection": "j-",
    "PixelBandwidth": 1240,
    "PulseSequenceDetails": "%CustomerSeq%_ep2d_bold_sms_mgh_v22",
    "PulseSequenceType": "Gradient Echo EPI",
    "ReceiveCoilActiveElements": "HC1-7;NC1,2",
    "ReceiveCoilName": "HeadNeck_64",
    "RepetitionTime": 1.5,
    "ScanOptions": "PFP_FS",
    "ScanningSequence": "EP",
    "SequenceName": "epfSM2d1_96",
    "SequenceVariant": "SK",
    "SliceTiming": [
      0.6925,
      0,
      0.79,
      0.1,
      0.8875,
      0.1975,
      0.9875,
      0.2975,
      1.085,
      0.395,
      1.185,
      0.495,
      1.2825,
      0.5925,
      1.3825,
      0.6925,
      0,
      0.79,
      0.1,
      0.8875,
      0.1975,
      0.9875,
      0.2975,
      1.085,
      0.395,
      1.185,
      0.495,
      1.2825,
      0.5925,
      1.3825,
      0.6925,
      0,
      0.79,
      0.1,
      0.8875,
      0.1975,
      0.9875,
      0.2975,
      1.085,
      0.395,
      1.185,
      0.495,
      1.2825,
      0.5925,
      1.3825,
      0.6925,
      0,
      0.79,
      0.1,
      0.8875,
      0.1975,
      0.9875,
      0.2975,
      1.085,
      0.395,
      1.185,
      0.495,
      1.2825,
      0.5925,
      1.3825
    ],
    "SoftwareVersions": "syngo_MR_D13D",
    "StationName": "AWP66018",
    "TaskDescription": "Passively listened to audio story 'schema'",
    "TaskName": "schema",
    "TotalReadoutTime": 0.0883478,
    "dataset": "ds002345",
    "modality": "bold",
    "run_id": 3,
    "subject_id": "181",
    "task_id": "schema"
  },
  "dummy_trs": 1,
  "dvars_nstd": 36.11570535421874,
  "dvars_std": 1.1511503153993068,
  "dvars_vstd": 1.001629163871528,
  "efc": 0.6110103211617378,
  "fber": 213.36050415039062,
  "fd_mean": 0.09580699260976451,
  "fd_num": 25,
  "fd_perc": 4.332755632582322,
  "fwhm_avg": 2.8697516666666663,
  "fwhm_x": 2.601675,
  "fwhm_y": 3.06528,
  "fwhm_z": 2.9423,
  "gcor": 0.00939497,
  "gsr_x": -0.02360253594815731,
  "gsr_y": 0.09650187194347382,
  "provenance": {
    "md5sum": "080c1143c2485b062066b30673867cda",
    "settings": {
      "fd_thres": 0.2,
      "testing": false
    },
    "software": "mriqc",
    "version": "22.0.0rc1",
    "webapi_port": null,
    "webapi_url": "https://mriqc.nimh.nih.gov/api/v1"
  },
  "size_t": 577,
  "size_x": 96,
  "size_y": 96,
  "size_z": 60,
  "snr": 1.8877079004925597,
  "spacing_tr": 1.5,
  "spacing_x": 2.0,
  "spacing_y": 2.0,
  "spacing_z": 2.0,
  "summary_bg_k": 28.378021888599896,
  "summary_bg_mad": 11.4496951571497,
  "summary_bg_mean": 61.87981414794922,
  "summary_bg_median": 30.65164566040039,
  "summary_bg_n": 295355.0,
  "summary_bg_p05": 21.35528564453125,
  "summary_bg_p95": 219.69775238037084,
  "summary_bg_stdv": 85.03608703613281,
  "summary_fg_k": 4.0452206577550225,
  "summary_fg_mad": 200.38766161951705,
  "summary_fg_mean": 518.553955078125,
  "summary_fg_median": 472.01385498046875,
  "summary_fg_n": 163125.0,
  "summary_fg_p05": 221.75771484375,
  "summary_fg_p95": 989.0918823242183,
  "summary_fg_stdv": 250.04525756835938,
  "tsnr": 38.26812737016007
}