{
  "aor": 0.004896210191082801,
  "aqi": 0.0075553947770700645,
  "bids_meta": {
    "CogAtlasID": "https://www.cognitiveatlas.org/task/id/trm_4c8991fadfe01",
    "DeviceSerialNumber": "66018",
    "DwellTime": 4.2e-06,
    "EchoTime": 0.039,
    "EffectiveEchoSpacing": 0.000929976,
    "FlipAngle": 50,
    "InstitutionAddress": "Washington Rd, Princeton, NJ 08540, USA",
    "InstitutionName": "Princeton University",
    "InstitutionalDepartmentName": "Princeton Neuroscience Institute",
    "MagneticFieldStrength": 3,
    "Manufacturer": "Siemens",
    "ManufacturersModelName": "Prisma",
    "NumberOfVolumesDiscardedByScanner": 3,
    "ParallelReductionType": "GRAPPA",
    "PartialFourier": 0.75,
    "PhaseEncodingDirection": "j-",
    "PixelBandwidth": 1240,
    "PulseSequenceDetails": "%CustomerSeq%_ep2d_bold_sms_mgh_v22",
    "PulseSequenceType": "Gradient Echo EPI",
    "ReceiveCoilActiveElements": "HC1-7;NC1,2",
    "ReceiveCoilName": "HeadNeck_64",
    "RepetitionTime": 1.5,
    "ScanOptions": "PFP_FS",
    "ScanningSequence": "EP",
    "SequenceName": "epfSM2d1_96",
    "SequenceVariant": "SK",
    "SliceTiming": [
      0.6925,
      0,
      0.79,
      0.1,
      0.8875,
      0.1975,
      0.9875,
      0.2975,
      1.085,
      0.395,
      1.185,
      0.495,
      1.2825,
      0.5925,
      1.3825,
      0.6925,
      0,
      0.79,
      0.1,
      0.8875,
      0.1975,
      0.9875,
      0.2975,
      1.085,
      0.395,
      1.185,
      0.495,
      1.2825,
      0.5925,
      1.3825,
      0.6925,
      0,
      0.79,
      0.1,
      0.8875,
      0.1975,
      0.9875,
      0.2975,
      1.085,
      0.395,
      1.185,
      0.495,
      1.2825,
      0.5925,
      1.3825,
      0.6925,
      0,
      0.79,
      0.1,
      0.8875,
      0.1975,
      0.9875,
      0.2975,
      1.085,
      0.395,
      1.185,
      0.495,
      1.2825,
      0.5925,
      1.3825
    ],
    "SoftwareVersions": "syngo_MR_D13D",
    "StationName": "AWP66018",
    "TaskDescription": "Passively listened to audio story 'shapessocial'",
    "TaskName": "shapessocial",
    "TotalReadoutTime": 0.0883478,
    "dataset": "ds002345",
    "modality": "bold",
    "subject_id": "181",
    "task_id": "shapessocial"
  },
  "dummy_trs": 1,
  "dvars_nstd": 35.72261035773161,
  "dvars_std": 1.1126032697763595,
  "dvars_vstd": 1.0568725579552711,
  "efc": 0.6140515444207812,
  "fber": 233.52943420410156,
  "fd_mean": 0.13091699085219907,
  "fd_num": 14,
  "fd_perc": 4.45859872611465,
  "fwhm_avg": 2.8315583333333336,
  "fwhm_x": 2.53563,
  "fwhm_y": 3.060645,
  "fwhm_z": 2.8984,
  "gcor": 0.0104332,
  "gsr_x": -0.02098923735320568,
  "gsr_y": 0.08304747194051743,
  "provenance": {
    "md5sum": "804e93cde1db3ec4af8fbd738dab1432",
    "settings": {
      "fd_thres": 0.2,
      "testing": false
    },
    "software": "mriqc",
    "version": "22.0.0rc1",
    "webapi_port": null,
    "webapi_url": "https://mriqc.nimh.nih.gov/api/v1"
  },
  "size_t": 314,
  "size_x": 96,
  "size_y": 96,
  "size_z": 60,
  "snr": 2.03409300983869,
  "spacing_tr": 1.5,
  "spacing_x": 2.0,
  "spacing_y": 2.0,
  "spacing_z": 2.0,
  "summary_bg_k": 48.72368654322576,
  "summary_bg_mad": 10.071307300900314,
  "summary_bg_mean": 56.323753356933594,
  "summary_bg_median": 28.78343963623047,
  "summary_bg_n": 298312.0,
  "summary_bg_p05": 20.29936408996582,
  "summary_bg_p95": 190.24809417724617,
  "summary_bg_stdv": 76.80709838867188,
  "summary_fg_k": 3.313368361441384,
  "summary_fg_mad": 180.81136708586834,
  "summary_fg_mean": 495.05633544921875,
  "summary_fg_median": 456.97772216796875,
  "summary_fg_n": 164405.0,
  "summary_fg_p05": 217.01528930664062,
  "summary_fg_p95": 917.7299438476562,
  "summary_fg_stdv": 224.6585235595703,
  "tsnr": 38.31493780016899
}