{
  "aor": 0.00039656462585034016,
  "aqi": 0.01199485380952381,
  "bids_meta": {
    "AcquisitionMatrixPE": 96,
    "BandwidthPerPixelPhaseEncode": 20.425,
    "BaseResolution": 96,
    "BodyPartExamined": "BRAIN",
    "ConsistencyInfo": "N4_VE11C_LATEST_20160120",
    "ConversionSoftware": "dcm2niix",
    "ConversionSoftwareVersion": "v1.0.20180328 GCC6.3.0",
    "DerivedVendorReportedEchoSpacing": 0.000509996,
    "DeviceSerialNumber": "66018",
    "DwellTime": 2.1e-06,
    "EchoTime": 0.031,
    "EchoTrainLength": 96,
    "EffectiveEchoSpacing": 0.000509996,
    "FlipAngle": 67,
    "ImageOrientationPatientDICOM": [
      1,
      0,
      0,
      0,
      1,
      0
    ],
    "ImageType": [
      "ORIGINAL",
      "PRIMARY",
      "M",
      "ND",
      "NORM",
      "MOSAIC"
    ],
    "InPlanePhaseEncodingDirectionDICOM": "COL",
    "InstitutionAddress": "Washington Rd, Princeton, NJ 08540, USA",
    "InstitutionName": "Princeton University",
    "InstitutionalDepartmentName": "Princeton Neuroscience Institute",
    "MRAcquisitionType": "2D",
    "MagneticFieldStrength": 3,
    "Manufacturer": "Siemens",
    "ManufacturersModelName": "Prisma",
    "Modality": "MR",
    "MultibandAccelerationFactor": 3,
    "NumberOfVolumesDiscardedByScanner": 3,
    "PartialFourier": 1,
    "PatientPosition": "HFS",
    "PercentPhaseFOV": 100,
    "PhaseEncodingDirection": "j-",
    "PhaseEncodingSteps": 96,
    "PhaseResolution": 1,
    "PixelBandwidth": 2480,
    "ProcedureStepDescription": "Hasson_Nastase_042518_Storyteller",
    "ProtocolName": "func_task-pieman",
    "PulseSequenceDetails": "%SiemensSeq%_ep2d_bold",
    "ReceiveCoilActiveElements": "HC1-7;NC1",
    "ReceiveCoilName": "HeadNeck_64",
    "ReconMatrixPE": 96,
    "RepetitionTime": 1.5,
    "SAR": 0.0456055,
    "ScanOptions": "FS",
    "ScanningSequence": "EP",
    "SequenceName": "_epfid2d1_96",
    "SequenceVariant": "SK",
    "SeriesDescription": "func_task-pieman",
    "SeriesNumber": 7,
    "ShimSetting": [
      751,
      536,
      2054,
      653,
      -128,
      -109,
      51,
      5
    ],
    "SliceThickness": 2.5,
    "SliceTiming": [
      1.11,
      0,
      0.74,
      0.0925,
      0.8325,
      0.185,
      0.925,
      0.2775,
      1.0175,
      0.4625,
      1.2025,
      0.555,
      1.295,
      0.6475,
      1.3875,
      0.37,
      1.11,
      0,
      0.74,
      0.0925,
      0.8325,
      0.185,
      0.925,
      0.2775,
      1.0175,
      0.4625,
      1.2025,
      0.555,
      1.295,
      0.6475,
      1.3875,
      0.37,
      1.11,
      0,
      0.74,
      0.0925,
      0.8325,
      0.185,
      0.925,
      0.2775,
      1.0175,
      0.4625,
      1.2025,
      0.555,
      1.295,
      0.6475,
      1.3875,
      0.37
    ],
    "SoftwareVersions": "syngo_MR_E11",
    "SpacingBetweenSlices": 2.5,
    "StationName": "AWP66018",
    "TaskDescription": "Passively listened to audio story 'piemanpni'",
    "TaskName": "piemanpni",
    "TotalReadoutTime": 0.0484496,
    "TxRefAmp": 259.139,
    "dataset": "ds002345",
    "modality": "bold",
    "subject_id": "297",
    "task_id": "piemanpni"
  },
  "dummy_trs": 0,
  "dvars_nstd": 25.977840768395904,
  "dvars_std": 1.173310582252559,
  "dvars_vstd": 0.975030963822525,
  "efc": 0.45795105943568787,
  "fber": 3753.481201171875,
  "fd_mean": 0.12471157465907363,
  "fd_num": 26,
  "fd_perc": 8.843537414965986,
  "fwhm_avg": 2.0672479999999998,
  "fwhm_x": 1.949636,
  "fwhm_y": 2.2797080000000003,
  "fwhm_z": 1.9724,
  "gcor": 0.00871702,
  "gsr_x": -0.013619950041174889,
  "gsr_y": 0.024613553658127785,
  "provenance": {
    "md5sum": "ebe503862fbadf04e5a5b57c902fa67d",
    "settings": {
      "fd_thres": 0.2,
      "testing": false
    },
    "software": "mriqc",
    "version": "22.0.0rc1",
    "webapi_port": null,
    "webapi_url": "https://mriqc.nimh.nih.gov/api/v1"
  },
  "size_t": 294,
  "size_x": 96,
  "size_y": 96,
  "size_z": 48,
  "snr": 6.644563096400129,
  "spacing_tr": 1.5,
  "spacing_x": 2.5,
  "spacing_y": 2.5,
  "spacing_z": 2.5,
  "summary_bg_k": 30.908161438247653,
  "summary_bg_mad": 7.223902873171875,
  "summary_bg_mean": 28.622644424438477,
  "summary_bg_median": 11.668367385864258,
  "summary_bg_n": 315048.0,
  "summary_bg_p05": 5.496598720550537,
  "summary_bg_p95": 104.63945007324219,
  "summary_bg_stdv": 51.73305130004883,
  "summary_fg_k": 3.9490173891873654,
  "summary_fg_mad": 88.4493390597538,
  "summary_fg_mean": 713.5081176757812,
  "summary_fg_median": 719.8214111328125,
  "summary_fg_n": 65600.0,
  "summary_fg_p05": 535.1010284423828,
  "summary_fg_p95": 870.5646362304688,
  "summary_fg_stdv": 108.3315658569336,
  "tsnr": 56.785188079229556
}