{
  "aor": 0.0008772473867595819,
  "aqi": 0.01515887862369338,
  "bids_meta": {
    "AcquisitionMatrixPE": 96,
    "BandwidthPerPixelPhaseEncode": 20.425,
    "BaseResolution": 96,
    "BodyPartExamined": "BRAIN",
    "ConsistencyInfo": "N4_VE11C_LATEST_20160120",
    "ConversionSoftware": "dcm2niix",
    "ConversionSoftwareVersion": "v1.0.20180328 GCC6.3.0",
    "DerivedVendorReportedEchoSpacing": 0.000509996,
    "DeviceSerialNumber": "66018",
    "DwellTime": 2.1e-06,
    "EchoTime": 0.031,
    "EchoTrainLength": 96,
    "EffectiveEchoSpacing": 0.000509996,
    "FlipAngle": 67,
    "ImageOrientationPatientDICOM": [
      1,
      0,
      0,
      0,
      1,
      0
    ],
    "ImageType": [
      "ORIGINAL",
      "PRIMARY",
      "M",
      "ND",
      "NORM",
      "MOSAIC"
    ],
    "InPlanePhaseEncodingDirectionDICOM": "COL",
    "InstitutionAddress": "Washington Rd, Princeton, NJ 08540, USA",
    "InstitutionName": "Princeton University",
    "InstitutionalDepartmentName": "Princeton Neuroscience Institute",
    "MRAcquisitionType": "2D",
    "MagneticFieldStrength": 3,
    "Manufacturer": "Siemens",
    "ManufacturersModelName": "Prisma",
    "Modality": "MR",
    "MultibandAccelerationFactor": 3,
    "NumberOfVolumesDiscardedByScanner": 3,
    "PartialFourier": 1,
    "PatientPosition": "HFS",
    "PercentPhaseFOV": 100,
    "PhaseEncodingDirection": "j-",
    "PhaseEncodingSteps": 96,
    "PhaseResolution": 1,
    "PixelBandwidth": 2480,
    "ProcedureStepDescription": "Hasson_Nastase_042518_Storyteller",
    "ProtocolName": "func_task-forgot",
    "PulseSequenceDetails": "%SiemensSeq%_ep2d_bold",
    "ReceiveCoilActiveElements": "HC1-7;NC1",
    "ReceiveCoilName": "HeadNeck_64",
    "ReconMatrixPE": 96,
    "RepetitionTime": 1.5,
    "SAR": 0.0456599,
    "ScanOptions": "FS",
    "ScanningSequence": "EP",
    "SequenceName": "_epfid2d1_96",
    "SequenceVariant": "SK",
    "SeriesDescription": "func_task-forgot",
    "SeriesNumber": 13,
    "ShimSetting": [
      751,
      536,
      2054,
      653,
      -128,
      -109,
      51,
      5
    ],
    "SliceThickness": 2.5,
    "SliceTiming": [
      1.11,
      0,
      0.74,
      0.0925,
      0.8325,
      0.185,
      0.925,
      0.2775,
      1.0175,
      0.4625,
      1.2025,
      0.555,
      1.295,
      0.6475,
      1.3875,
      0.37,
      1.11,
      0,
      0.74,
      0.0925,
      0.8325,
      0.185,
      0.925,
      0.2775,
      1.0175,
      0.4625,
      1.2025,
      0.555,
      1.295,
      0.6475,
      1.3875,
      0.37,
      1.11,
      0,
      0.74,
      0.0925,
      0.8325,
      0.185,
      0.925,
      0.2775,
      1.0175,
      0.4625,
      1.2025,
      0.555,
      1.295,
      0.6475,
      1.3875,
      0.37
    ],
    "SoftwareVersions": "syngo_MR_E11",
    "SpacingBetweenSlices": 2.5,
    "StationName": "AWP66018",
    "TaskDescription": "Passively listened to audio story 'forgot'",
    "TaskName": "forgot",
    "TotalReadoutTime": 0.0484496,
    "TxRefAmp": 259.139,
    "dataset": "ds002345",
    "modality": "bold",
    "subject_id": "297",
    "task_id": "forgot"
  },
  "dummy_trs": 0,
  "dvars_nstd": 24.064376930994776,
  "dvars_std": 1.084340603193717,
  "dvars_vstd": 0.9745958735776606,
  "efc": 0.4409746144065199,
  "fber": 4093.911376953125,
  "fd_mean": 0.13259965314274128,
  "fd_num": 54,
  "fd_perc": 9.40766550522648,
  "fwhm_avg": 2.0966653333333336,
  "fwhm_x": 1.978032,
  "fwhm_y": 2.328968,
  "fwhm_z": 1.982996,
  "gcor": 0.00837806,
  "gsr_x": -0.005703630391508341,
  "gsr_y": 0.027409397065639496,
  "provenance": {
    "md5sum": "722d9fffd487a99a2fea5665fe0be83f",
    "settings": {
      "fd_thres": 0.2,
      "testing": false
    },
    "software": "mriqc",
    "version": "22.0.0rc1",
    "webapi_port": null,
    "webapi_url": "https://mriqc.nimh.nih.gov/api/v1"
  },
  "size_t": 574,
  "size_x": 96,
  "size_y": 96,
  "size_z": 48,
  "snr": 6.686962583352797,
  "spacing_tr": 1.5,
  "spacing_x": 2.5,
  "spacing_y": 2.5,
  "spacing_z": 2.5,
  "summary_bg_k": 38.89100866886105,
  "summary_bg_mad": 6.320431541872595,
  "summary_bg_mean": 25.787601470947266,
  "summary_bg_median": 11.287456512451172,
  "summary_bg_n": 320248.0,
  "summary_bg_p05": 5.621951103210449,
  "summary_bg_p95": 89.08126983642572,
  "summary_bg_stdv": 48.45073318481445,
  "summary_fg_k": 4.085939396929397,
  "summary_fg_mad": 88.25234046175046,
  "summary_fg_mean": 716.8255004882812,
  "summary_fg_median": 723.234375,
  "summary_fg_n": 61890.0,
  "summary_fg_p05": 539.4877471923828,
  "summary_fg_p95": 873.1367645263671,
  "summary_fg_stdv": 108.15501403808594,
  "tsnr": 52.27744334517047
}