{
  "aor": 0.0030544,
  "aqi": 0.013397848454545454,
  "bids_meta": {
    "AcquisitionMatrixPE": 96,
    "BandwidthPerPixelPhaseEncode": 20.425,
    "BaseResolution": 96,
    "BodyPartExamined": "BRAIN",
    "ConsistencyInfo": "N4_VE11C_LATEST_20160120",
    "ConversionSoftware": "dcm2niix",
    "ConversionSoftwareVersion": "v1.0.20180328 GCC6.3.0",
    "DerivedVendorReportedEchoSpacing": 0.000509996,
    "DeviceSerialNumber": "66018",
    "DwellTime": 2.1e-06,
    "EchoTime": 0.031,
    "EchoTrainLength": 96,
    "EffectiveEchoSpacing": 0.000509996,
    "FlipAngle": 67,
    "ImageOrientationPatientDICOM": [
      1,
      0,
      0,
      0,
      1,
      0
    ],
    "ImageType": [
      "ORIGINAL",
      "PRIMARY",
      "M",
      "ND",
      "NORM",
      "MOSAIC"
    ],
    "InPlanePhaseEncodingDirectionDICOM": "COL",
    "InstitutionAddress": "Washington Rd, Princeton, NJ 08540, USA",
    "InstitutionName": "Princeton University",
    "InstitutionalDepartmentName": "Princeton Neuroscience Institute",
    "MRAcquisitionType": "2D",
    "MagneticFieldStrength": 3,
    "Manufacturer": "Siemens",
    "ManufacturersModelName": "Prisma",
    "Modality": "MR",
    "MultibandAccelerationFactor": 3,
    "NumberOfVolumesDiscardedByScanner": 3,
    "PartialFourier": 1,
    "PatientPosition": "HFS",
    "PercentPhaseFOV": 100,
    "PhaseEncodingDirection": "j-",
    "PhaseEncodingSteps": 96,
    "PhaseResolution": 1,
    "PixelBandwidth": 2480,
    "ProcedureStepDescription": "Hasson_Nastase_042518_Storyteller",
    "ProtocolName": "func_task-black",
    "PulseSequenceDetails": "%SiemensSeq%_ep2d_bold",
    "ReceiveCoilActiveElements": "HC1-7;NC1",
    "ReceiveCoilName": "HeadNeck_64",
    "ReconMatrixPE": 96,
    "RepetitionTime": 1.5,
    "SAR": 0.0456574,
    "ScanOptions": "FS",
    "ScanningSequence": "EP",
    "SequenceName": "_epfid2d1_96",
    "SequenceVariant": "SK",
    "SeriesDescription": "func_task-black",
    "SeriesNumber": 11,
    "ShimSetting": [
      751,
      536,
      2054,
      653,
      -128,
      -109,
      51,
      5
    ],
    "SliceThickness": 2.5,
    "SliceTiming": [
      1.11,
      0,
      0.74,
      0.0925,
      0.8325,
      0.185,
      0.925,
      0.2775,
      1.0175,
      0.4625,
      1.2025,
      0.555,
      1.295,
      0.6475,
      1.3875,
      0.37,
      1.11,
      0,
      0.74,
      0.0925,
      0.8325,
      0.185,
      0.925,
      0.2775,
      1.0175,
      0.4625,
      1.2025,
      0.555,
      1.295,
      0.6475,
      1.3875,
      0.37,
      1.11,
      0,
      0.74,
      0.0925,
      0.8325,
      0.185,
      0.925,
      0.2775,
      1.0175,
      0.4625,
      1.2025,
      0.555,
      1.295,
      0.6475,
      1.3875,
      0.37
    ],
    "SoftwareVersions": "syngo_MR_E11",
    "SpacingBetweenSlices": 2.5,
    "StationName": "AWP66018",
    "TaskDescription": "Passively listened to audio story 'black'",
    "TaskName": "black",
    "TotalReadoutTime": 0.0484496,
    "TxRefAmp": 259.139,
    "dataset": "ds002345",
    "modality": "bold",
    "subject_id": "297",
    "task_id": "black"
  },
  "dummy_trs": 0,
  "dvars_nstd": 24.464228784772335,
  "dvars_std": 1.1187698662295094,
  "dvars_vstd": 0.9909136068488162,
  "efc": 0.4454105703608056,
  "fber": 4110.9033203125,
  "fd_mean": 0.11347638195770862,
  "fd_num": 29,
  "fd_perc": 5.2727272727272725,
  "fwhm_avg": 2.0759600000000002,
  "fwhm_x": 1.970852,
  "fwhm_y": 2.318268,
  "fwhm_z": 1.9387599999999998,
  "gcor": 0.0240323,
  "gsr_x": -0.007258014287799597,
  "gsr_y": 0.026857534423470497,
  "provenance": {
    "md5sum": "4d70bdeba050d11e3ec3be128ebc9769",
    "settings": {
      "fd_thres": 0.2,
      "testing": false
    },
    "software": "mriqc",
    "version": "22.0.0rc1",
    "webapi_port": null,
    "webapi_url": "https://mriqc.nimh.nih.gov/api/v1"
  },
  "size_t": 550,
  "size_x": 96,
  "size_y": 96,
  "size_z": 48,
  "snr": 6.639094397848296,
  "spacing_tr": 1.5,
  "spacing_x": 2.5,
  "spacing_y": 2.5,
  "spacing_z": 2.5,
  "summary_bg_k": 37.20238756958357,
  "summary_bg_mad": 6.423711303235378,
  "summary_bg_mean": 26.228199005126953,
  "summary_bg_median": 11.23090934753418,
  "summary_bg_n": 318468.0,
  "summary_bg_p05": 5.529090881347656,
  "summary_bg_p95": 91.2618179321289,
  "summary_bg_stdv": 49.07637023925781,
  "summary_fg_k": 4.304263040718238,
  "summary_fg_mad": 88.34151920237164,
  "summary_fg_mean": 716.5853271484375,
  "summary_fg_median": 723.5236206054688,
  "summary_fg_n": 63159.0,
  "summary_fg_p05": 538.8176635742187,
  "summary_fg_p95": 872.480712890625,
  "summary_fg_stdv": 108.97840118408203,
  "tsnr": 53.67706444254145
}