{
  "aor": 0.00033370370370370373,
  "aqi": 0.006588618922558923,
  "bids_meta": {
    "CogAtlasID": "https://www.cognitiveatlas.org/task/id/trm_4c8991fadfe01",
    "DeviceSerialNumber": "45031",
    "DwellTime": 5.4e-06,
    "EchoTime": 0.028,
    "EffectiveEchoSpacing": 0.000390001,
    "FlipAngle": 64,
    "InstitutionAddress": "Washington Rd, Princeton, NJ 08540, USA",
    "InstitutionName": "Princeton University",
    "InstitutionalDepartmentName": "Princeton Neuroscience Institute",
    "MagneticFieldStrength": 3,
    "Manufacturer": "Siemens",
    "ManufacturersModelName": "Skyra",
    "NumberOfVolumesDiscardedByScanner": 3,
    "ParallelReductionFactorInPlane": 2,
    "ParallelReductionType": "GRAPPA",
    "PartialFourier": 1,
    "PhaseEncodingDirection": "j-",
    "PixelBandwidth": 1445,
    "PulseSequenceDetails": "%SiemensSeq%_ep2d_bold",
    "PulseSequenceType": "Gradient Echo EPI",
    "ReceiveCoilActiveElements": "HE1-4",
    "ReceiveCoilName": "HeadNeck_20",
    "RepetitionTime": 1.5,
    "ScanOptions": "FS",
    "ScanningSequence": "EP",
    "SequenceName": "_epfid2d1_64",
    "SequenceVariant": "SK",
    "SliceTiming": [
      0,
      0.7775,
      0.055,
      0.8325,
      0.11,
      0.8875,
      0.165,
      0.9425,
      0.22,
      0.9975,
      0.2775,
      1.055,
      0.3325,
      1.11,
      0.3875,
      1.165,
      0.4425,
      1.22,
      0.5,
      1.2775,
      0.555,
      1.3325,
      0.61,
      1.3875,
      0.665,
      1.4425,
      0.72
    ],
    "SoftwareVersions": "syngo_MR_D11",
    "StationName": "AWP45031",
    "TaskDescription": "Passively listened to audio story 'milkyway'",
    "TaskName": "milkyway",
    "TotalReadoutTime": 0.0245701,
    "dataset": "ds002345",
    "modality": "bold",
    "subject_id": "098",
    "task_id": "milkyway"
  },
  "dummy_trs": 0,
  "dvars_nstd": 23.374793323040535,
  "dvars_std": 1.2660400780743237,
  "dvars_vstd": 0.9793932203716214,
  "efc": 0.6248849457876227,
  "fber": 1289.5010986328125,
  "fd_mean": 0.0820851948436045,
  "fd_num": 0,
  "fd_perc": 0.0,
  "fwhm_avg": 1.7558437694128992,
  "fwhm_x": 1.6986433333333333,
  "fwhm_y": 1.97537,
  "fwhm_z": 1.593517974905364,
  "gcor": 0.0323951,
  "gsr_x": -0.004838600754737854,
  "gsr_y": 0.054481107741594315,
  "provenance": {
    "md5sum": "cb1e1cc7373c92c3edd24dd95055def0",
    "settings": {
      "fd_thres": 0.2,
      "testing": false
    },
    "software": "mriqc",
    "version": "21.0.0rc2",
    "webapi_port": null,
    "webapi_url": "https://mriqc.nimh.nih.gov/api/v1"
  },
  "size_t": 297,
  "size_x": 64,
  "size_y": 64,
  "size_z": 27,
  "snr": 6.788853640704422,
  "spacing_tr": 1.5,
  "spacing_x": 3.0,
  "spacing_y": 3.0,
  "spacing_z": 3.9999988079071045,
  "summary_bg_k": 15.338440964200174,
  "summary_bg_mad": 16.17633666651099,
  "summary_bg_mean": 55.66924285888672,
  "summary_bg_median": 20.58417510986328,
  "summary_bg_n": 51146.0,
  "summary_bg_p05": 8.255891799926758,
  "summary_bg_p95": 232.0218849182129,
  "summary_bg_stdv": 86.7811508178711,
  "summary_fg_k": 2.3769844083223433,
  "summary_fg_mad": 107.80813881604787,
  "summary_fg_mean": 801.8563232421875,
  "summary_fg_median": 790.6716918945312,
  "summary_fg_n": 30278.0,
  "summary_fg_p05": 642.6877197265625,
  "summary_fg_p95": 994.4937683105468,
  "summary_fg_stdv": 116.4642333984375,
  "tsnr": 74.31551475962624
}