{
  "aor": 0.0022094425087108016,
  "aqi": 0.019243412264808364,
  "bids_meta": {
    "AcquisitionMatrixPE": 96,
    "BandwidthPerPixelPhaseEncode": 20.425,
    "BaseResolution": 96,
    "BodyPartExamined": "BRAIN",
    "ConsistencyInfo": "N4_VE11C_LATEST_20160120",
    "ConversionSoftware": "dcm2niix",
    "ConversionSoftwareVersion": "v1.0.20180328 GCC6.3.0",
    "DerivedVendorReportedEchoSpacing": 0.000509996,
    "DeviceSerialNumber": "66018",
    "DwellTime": 2.1e-06,
    "EchoTime": 0.031,
    "EchoTrainLength": 96,
    "EffectiveEchoSpacing": 0.000509996,
    "FlipAngle": 67,
    "ImageOrientationPatientDICOM": [
      1,
      0,
      0,
      0,
      1,
      0
    ],
    "ImageType": [
      "ORIGINAL",
      "PRIMARY",
      "M",
      "ND",
      "NORM",
      "MOSAIC"
    ],
    "InPlanePhaseEncodingDirectionDICOM": "COL",
    "InstitutionAddress": "Washington Rd, Princeton, NJ 08540, USA",
    "InstitutionName": "Princeton University",
    "InstitutionalDepartmentName": "Princeton Neuroscience Institute",
    "MRAcquisitionType": "2D",
    "MagneticFieldStrength": 3,
    "Manufacturer": "Siemens",
    "ManufacturersModelName": "Prisma",
    "Modality": "MR",
    "MultibandAccelerationFactor": 3,
    "NumberOfVolumesDiscardedByScanner": 3,
    "PartialFourier": 1,
    "PatientPosition": "HFS",
    "PercentPhaseFOV": 100,
    "PhaseEncodingDirection": "j-",
    "PhaseEncodingSteps": 96,
    "PhaseResolution": 1,
    "PixelBandwidth": 2480,
    "ProcedureStepDescription": "Hasson_Nastase_042518_Storyteller",
    "ProtocolName": "func_task-forgot",
    "PulseSequenceDetails": "%SiemensSeq%_ep2d_bold",
    "ReceiveCoilActiveElements": "HC1-7;NC1,2",
    "ReceiveCoilName": "HeadNeck_64",
    "ReconMatrixPE": 96,
    "RepetitionTime": 1.5,
    "SAR": 0.0392846,
    "ScanOptions": "FS",
    "ScanningSequence": "EP",
    "SequenceName": "_epfid2d1_96",
    "SequenceVariant": "SK",
    "SeriesDescription": "func_task-forgot",
    "SeriesNumber": 9,
    "ShimSetting": [
      764,
      558,
      2062,
      629,
      -83,
      250,
      216,
      50
    ],
    "SliceThickness": 2.5,
    "SliceTiming": [
      1.11,
      0,
      0.74,
      0.0925,
      0.8325,
      0.185,
      0.925,
      0.2775,
      1.0175,
      0.4625,
      1.2025,
      0.555,
      1.295,
      0.6475,
      1.3875,
      0.37,
      1.11,
      0,
      0.74,
      0.0925,
      0.8325,
      0.185,
      0.925,
      0.2775,
      1.0175,
      0.4625,
      1.2025,
      0.555,
      1.295,
      0.6475,
      1.3875,
      0.37,
      1.11,
      0,
      0.74,
      0.0925,
      0.8325,
      0.185,
      0.925,
      0.2775,
      1.0175,
      0.4625,
      1.2025,
      0.555,
      1.295,
      0.6475,
      1.3875,
      0.37
    ],
    "SoftwareVersions": "syngo_MR_E11",
    "SpacingBetweenSlices": 2.5,
    "StationName": "AWP66018",
    "TaskDescription": "Passively listened to audio story 'forgot'",
    "TaskName": "forgot",
    "TotalReadoutTime": 0.0484496,
    "TxRefAmp": 217.598,
    "dataset": "ds002345",
    "modality": "bold",
    "subject_id": "287",
    "task_id": "forgot"
  },
  "dummy_trs": 0,
  "dvars_nstd": 31.60510082150088,
  "dvars_std": 1.2173887307155313,
  "dvars_vstd": 0.9768110007155317,
  "efc": 0.4573730899610933,
  "fber": 3189.61279296875,
  "fd_mean": 0.190673948866019,
  "fd_num": 152,
  "fd_perc": 26.480836236933797,
  "fwhm_avg": 1.9505000000000001,
  "fwhm_x": 1.85016,
  "fwhm_y": 2.146868,
  "fwhm_z": 1.8544720000000001,
  "gcor": 0.0119603,
  "gsr_x": -0.02430315688252449,
  "gsr_y": 0.022244153544306755,
  "provenance": {
    "md5sum": "99f87c43393649c505a8db0109731561",
    "settings": {
      "fd_thres": 0.2,
      "testing": false
    },
    "software": "mriqc",
    "version": "22.0.0rc1",
    "webapi_port": null,
    "webapi_url": "https://mriqc.nimh.nih.gov/api/v1"
  },
  "size_t": 574,
  "size_x": 96,
  "size_y": 96,
  "size_z": 48,
  "snr": 5.604019093742458,
  "spacing_tr": 1.5,
  "spacing_x": 2.5,
  "spacing_y": 2.5,
  "spacing_z": 2.5,
  "summary_bg_k": 32.19746973976023,
  "summary_bg_mad": 6.713036733976723,
  "summary_bg_mean": 25.75037384033203,
  "summary_bg_median": 11.862369537353516,
  "summary_bg_n": 313660.0,
  "summary_bg_p05": 5.813589096069336,
  "summary_bg_p95": 96.57508735656734,
  "summary_bg_stdv": 45.7624397277832,
  "summary_fg_k": 2.175649594731005,
  "summary_fg_mad": 111.25973161514816,
  "summary_fg_mean": 678.9075927734375,
  "summary_fg_median": 673.7918090820312,
  "summary_fg_n": 67222.0,
  "summary_fg_p05": 515.8158325195312,
  "summary_fg_p95": 874.6240356445312,
  "summary_fg_stdv": 120.23278045654297,
  "tsnr": 41.36894179088995
}