{
  "aor": 0.0007822448979591838,
  "aqi": 0.014203415544217685,
  "bids_meta": {
    "AcquisitionMatrixPE": 96,
    "BandwidthPerPixelPhaseEncode": 20.425,
    "BaseResolution": 96,
    "BodyPartExamined": "BRAIN",
    "ConsistencyInfo": "N4_VE11C_LATEST_20160120",
    "ConversionSoftware": "dcm2niix",
    "ConversionSoftwareVersion": "v1.0.20180328 GCC6.3.0",
    "DerivedVendorReportedEchoSpacing": 0.000509996,
    "DeviceSerialNumber": "66018",
    "DwellTime": 2.1e-06,
    "EchoTime": 0.031,
    "EchoTrainLength": 96,
    "EffectiveEchoSpacing": 0.000509996,
    "FlipAngle": 67,
    "ImageOrientationPatientDICOM": [
      1,
      0,
      0,
      0,
      1,
      0
    ],
    "ImageType": [
      "ORIGINAL",
      "PRIMARY",
      "M",
      "ND",
      "NORM",
      "MOSAIC"
    ],
    "InPlanePhaseEncodingDirectionDICOM": "COL",
    "InstitutionAddress": "Washington Rd, Princeton, NJ 08540, USA",
    "InstitutionName": "Princeton University",
    "InstitutionalDepartmentName": "Princeton Neuroscience Institute",
    "MRAcquisitionType": "2D",
    "MagneticFieldStrength": 3,
    "Manufacturer": "Siemens",
    "ManufacturersModelName": "Prisma",
    "Modality": "MR",
    "MultibandAccelerationFactor": 3,
    "NumberOfVolumesDiscardedByScanner": 3,
    "PartialFourier": 1,
    "PatientPosition": "HFS",
    "PercentPhaseFOV": 100,
    "PhaseEncodingDirection": "j-",
    "PhaseEncodingSteps": 96,
    "PhaseResolution": 1,
    "PixelBandwidth": 2480,
    "ProcedureStepDescription": "Hasson_Nastase_042518_Storyteller",
    "ProtocolName": "func_task-pieman",
    "PulseSequenceDetails": "%SiemensSeq%_ep2d_bold",
    "ReceiveCoilActiveElements": "HC1-7;NC1,2",
    "ReceiveCoilName": "HeadNeck_64",
    "ReconMatrixPE": 96,
    "RepetitionTime": 1.5,
    "SAR": 0.0392378,
    "ScanOptions": "FS",
    "ScanningSequence": "EP",
    "SequenceName": "_epfid2d1_96",
    "SequenceVariant": "SK",
    "SeriesDescription": "func_task-pieman",
    "SeriesNumber": 8,
    "ShimSetting": [
      764,
      558,
      2062,
      629,
      -83,
      250,
      216,
      50
    ],
    "SliceThickness": 2.5,
    "SliceTiming": [
      1.11,
      0,
      0.74,
      0.0925,
      0.8325,
      0.185,
      0.925,
      0.2775,
      1.0175,
      0.4625,
      1.2025,
      0.555,
      1.295,
      0.6475,
      1.3875,
      0.37,
      1.11,
      0,
      0.74,
      0.0925,
      0.8325,
      0.185,
      0.925,
      0.2775,
      1.0175,
      0.4625,
      1.2025,
      0.555,
      1.295,
      0.6475,
      1.3875,
      0.37,
      1.11,
      0,
      0.74,
      0.0925,
      0.8325,
      0.185,
      0.925,
      0.2775,
      1.0175,
      0.4625,
      1.2025,
      0.555,
      1.295,
      0.6475,
      1.3875,
      0.37
    ],
    "SoftwareVersions": "syngo_MR_E11",
    "SpacingBetweenSlices": 2.5,
    "StationName": "AWP66018",
    "TaskDescription": "Passively listened to audio story 'piemanpni'",
    "TaskName": "piemanpni",
    "TotalReadoutTime": 0.0484496,
    "TxRefAmp": 217.598,
    "dataset": "ds002345",
    "modality": "bold",
    "subject_id": "287",
    "task_id": "piemanpni"
  },
  "dummy_trs": 0,
  "dvars_nstd": 30.035712857133095,
  "dvars_std": 1.2423310743003422,
  "dvars_vstd": 0.9665617416723545,
  "efc": 0.45691831560192486,
  "fber": 3223.340576171875,
  "fd_mean": 0.13401053664956086,
  "fd_num": 35,
  "fd_perc": 11.904761904761905,
  "fwhm_avg": 1.94388,
  "fwhm_x": 1.834084,
  "fwhm_y": 2.138048,
  "fwhm_z": 1.859508,
  "gcor": 0.00915047,
  "gsr_x": -0.023554377257823944,
  "gsr_y": 0.022411124780774117,
  "provenance": {
    "md5sum": "515983ee8b35344159851d2cd05b9538",
    "settings": {
      "fd_thres": 0.2,
      "testing": false
    },
    "software": "mriqc",
    "version": "22.0.0rc1",
    "webapi_port": null,
    "webapi_url": "https://mriqc.nimh.nih.gov/api/v1"
  },
  "size_t": 294,
  "size_x": 96,
  "size_y": 96,
  "size_z": 48,
  "snr": 5.605375693311909,
  "spacing_tr": 1.5,
  "spacing_x": 2.5,
  "spacing_y": 2.5,
  "spacing_z": 2.5,
  "summary_bg_k": 33.25110986808935,
  "summary_bg_mad": 6.696924412522693,
  "summary_bg_mean": 25.615541458129883,
  "summary_bg_median": 11.819727897644043,
  "summary_bg_n": 313353.0,
  "summary_bg_p05": 5.799319744110107,
  "summary_bg_p95": 95.69523620605457,
  "summary_bg_stdv": 45.913299560546875,
  "summary_fg_k": 2.1290031305774164,
  "summary_fg_mad": 111.8154812199426,
  "summary_fg_mean": 677.8374633789062,
  "summary_fg_median": 672.3690185546875,
  "summary_fg_n": 67358.0,
  "summary_fg_p05": 514.124624633789,
  "summary_fg_p95": 872.1993072509765,
  "summary_fg_stdv": 119.94985961914062,
  "tsnr": 49.063120948616415
}