{
  "aor": 0.0012970545454545456,
  "aqi": 0.030996586545454546,
  "bids_meta": {
    "AcquisitionMatrixPE": 96,
    "BandwidthPerPixelPhaseEncode": 20.425,
    "BaseResolution": 96,
    "BodyPartExamined": "BRAIN",
    "ConsistencyInfo": "N4_VE11C_LATEST_20160120",
    "ConversionSoftware": "dcm2niix",
    "ConversionSoftwareVersion": "v1.0.20180328 GCC6.3.0",
    "DerivedVendorReportedEchoSpacing": 0.000509996,
    "DeviceSerialNumber": "66018",
    "DwellTime": 2.1e-06,
    "EchoTime": 0.031,
    "EchoTrainLength": 96,
    "EffectiveEchoSpacing": 0.000509996,
    "FlipAngle": 67,
    "ImageOrientationPatientDICOM": [
      1,
      0,
      0,
      0,
      1,
      0
    ],
    "ImageType": [
      "ORIGINAL",
      "PRIMARY",
      "M",
      "ND",
      "NORM",
      "MOSAIC"
    ],
    "InPlanePhaseEncodingDirectionDICOM": "COL",
    "InstitutionAddress": "Washington Rd, Princeton, NJ 08540, USA",
    "InstitutionName": "Princeton University",
    "InstitutionalDepartmentName": "Princeton Neuroscience Institute",
    "MRAcquisitionType": "2D",
    "MagneticFieldStrength": 3,
    "Manufacturer": "Siemens",
    "ManufacturersModelName": "Prisma",
    "Modality": "MR",
    "MultibandAccelerationFactor": 3,
    "NumberOfVolumesDiscardedByScanner": 3,
    "PartialFourier": 1,
    "PatientPosition": "HFS",
    "PercentPhaseFOV": 100,
    "PhaseEncodingDirection": "j-",
    "PhaseEncodingSteps": 96,
    "PhaseResolution": 1,
    "PixelBandwidth": 2480,
    "ProcedureStepDescription": "Hasson_Nastase_042518_Storyteller",
    "ProtocolName": "func_task-black",
    "PulseSequenceDetails": "%SiemensSeq%_ep2d_bold",
    "ReceiveCoilActiveElements": "HC1-7;NC1,2",
    "ReceiveCoilName": "HeadNeck_64",
    "ReconMatrixPE": 96,
    "RepetitionTime": 1.5,
    "SAR": 0.0392825,
    "ScanOptions": "FS",
    "ScanningSequence": "EP",
    "SequenceName": "_epfid2d1_96",
    "SequenceVariant": "SK",
    "SeriesDescription": "func_task-black",
    "SeriesNumber": 10,
    "ShimSetting": [
      764,
      558,
      2062,
      629,
      -83,
      250,
      216,
      50
    ],
    "SliceThickness": 2.5,
    "SliceTiming": [
      1.11,
      0,
      0.74,
      0.0925,
      0.8325,
      0.185,
      0.925,
      0.2775,
      1.0175,
      0.4625,
      1.2025,
      0.555,
      1.295,
      0.6475,
      1.3875,
      0.37,
      1.11,
      0,
      0.74,
      0.0925,
      0.8325,
      0.185,
      0.925,
      0.2775,
      1.0175,
      0.4625,
      1.2025,
      0.555,
      1.295,
      0.6475,
      1.3875,
      0.37,
      1.11,
      0,
      0.74,
      0.0925,
      0.8325,
      0.185,
      0.925,
      0.2775,
      1.0175,
      0.4625,
      1.2025,
      0.555,
      1.295,
      0.6475,
      1.3875,
      0.37
    ],
    "SoftwareVersions": "syngo_MR_E11",
    "SpacingBetweenSlices": 2.5,
    "StationName": "AWP66018",
    "TaskDescription": "Passively listened to audio story 'black'",
    "TaskName": "black",
    "TotalReadoutTime": 0.0484496,
    "TxRefAmp": 217.598,
    "dataset": "ds002345",
    "modality": "bold",
    "subject_id": "287",
    "task_id": "black"
  },
  "dummy_trs": 0,
  "dvars_nstd": 33.92016334411654,
  "dvars_std": 1.0938743505646635,
  "dvars_vstd": 0.9243263191074679,
  "efc": 0.45578409039185175,
  "fber": 3269.867431640625,
  "fd_mean": 0.3342794766946756,
  "fd_num": 271,
  "fd_perc": 49.27272727272727,
  "fwhm_avg": 1.9987000000000001,
  "fwhm_x": 1.88698,
  "fwhm_y": 2.1879999999999997,
  "fwhm_z": 1.9211200000000002,
  "gcor": 0.0119625,
  "gsr_x": -0.0232844278216362,
  "gsr_y": 0.021708210930228233,
  "provenance": {
    "md5sum": "a1bd6142e6024a706be9213ffb5e16da",
    "settings": {
      "fd_thres": 0.2,
      "testing": false
    },
    "software": "mriqc",
    "version": "22.0.0rc1",
    "webapi_port": null,
    "webapi_url": "https://mriqc.nimh.nih.gov/api/v1"
  },
  "size_t": 550,
  "size_x": 96,
  "size_y": 96,
  "size_z": 48,
  "snr": 5.684010199674442,
  "spacing_tr": 1.5,
  "spacing_x": 2.5,
  "spacing_y": 2.5,
  "spacing_z": 2.5,
  "summary_bg_k": 31.6794765233159,
  "summary_bg_mad": 6.949362800286244,
  "summary_bg_mean": 25.440614700317383,
  "summary_bg_median": 11.779999732971191,
  "summary_bg_n": 313574.0,
  "summary_bg_p05": 5.46363639831543,
  "summary_bg_p95": 96.03699989318844,
  "summary_bg_stdv": 44.930118560791016,
  "summary_fg_k": 1.8791680880746906,
  "summary_fg_mad": 111.69386150670582,
  "summary_fg_mean": 679.7780151367188,
  "summary_fg_median": 674.4654541015625,
  "summary_fg_n": 67007.0,
  "summary_fg_p05": 516.768359375,
  "summary_fg_p95": 873.340167236328,
  "summary_fg_stdv": 118.65925598144531,
  "tsnr": 31.562922435230576
}