{
  "aor": 0.0013641794871794872,
  "aqi": 0.009553426769230768,
  "bids_meta": {
    "AcquisitionMatrixPE": 96,
    "BandwidthPerPixelPhaseEncode": 20.425,
    "BaseResolution": 96,
    "BodyPartExamined": "BRAIN",
    "ConsistencyInfo": "N4_VE11C_LATEST_20160120",
    "ConversionSoftware": "dcm2niix",
    "ConversionSoftwareVersion": "v1.0.20180328 GCC6.3.0",
    "DerivedVendorReportedEchoSpacing": 0.000509996,
    "DeviceSerialNumber": "66018",
    "DwellTime": 2.1e-06,
    "EchoTime": 0.031,
    "EchoTrainLength": 96,
    "EffectiveEchoSpacing": 0.000509996,
    "FlipAngle": 67,
    "ImageOrientationPatientDICOM": [
      1,
      0,
      0,
      0,
      1,
      0
    ],
    "ImageType": [
      "ORIGINAL",
      "PRIMARY",
      "M",
      "ND",
      "NORM",
      "MOSAIC"
    ],
    "InPlanePhaseEncodingDirectionDICOM": "COL",
    "InstitutionAddress": "Washington Rd, Princeton, NJ 08540, USA",
    "InstitutionName": "Princeton University",
    "InstitutionalDepartmentName": "Princeton Neuroscience Institute",
    "MRAcquisitionType": "2D",
    "MagneticFieldStrength": 3,
    "Manufacturer": "Siemens",
    "ManufacturersModelName": "Prisma",
    "Modality": "MR",
    "MultibandAccelerationFactor": 3,
    "NumberOfVolumesDiscardedByScanner": 3,
    "PartialFourier": 1,
    "PatientPosition": "HFS",
    "PercentPhaseFOV": 100,
    "PhaseEncodingDirection": "j-",
    "PhaseEncodingSteps": 96,
    "PhaseResolution": 1,
    "PixelBandwidth": 2480,
    "ProcedureStepDescription": "Hasson_Nastase_042518_Storyteller",
    "ProtocolName": "func_task-bronx",
    "PulseSequenceDetails": "%SiemensSeq%_ep2d_bold",
    "ReceiveCoilActiveElements": "HC1-7;NC1,2",
    "ReceiveCoilName": "HeadNeck_64",
    "ReconMatrixPE": 96,
    "RepetitionTime": 1.5,
    "SAR": 0.0392614,
    "ScanOptions": "FS",
    "ScanningSequence": "EP",
    "SequenceName": "_epfid2d1_96",
    "SequenceVariant": "SK",
    "SeriesDescription": "func_task-bronx",
    "SeriesNumber": 7,
    "ShimSetting": [
      764,
      558,
      2062,
      629,
      -83,
      250,
      216,
      50
    ],
    "SliceThickness": 2.5,
    "SliceTiming": [
      1.11,
      0,
      0.74,
      0.0925,
      0.8325,
      0.185,
      0.925,
      0.2775,
      1.0175,
      0.4625,
      1.2025,
      0.555,
      1.295,
      0.6475,
      1.3875,
      0.37,
      1.11,
      0,
      0.74,
      0.0925,
      0.8325,
      0.185,
      0.925,
      0.2775,
      1.0175,
      0.4625,
      1.2025,
      0.555,
      1.295,
      0.6475,
      1.3875,
      0.37,
      1.11,
      0,
      0.74,
      0.0925,
      0.8325,
      0.185,
      0.925,
      0.2775,
      1.0175,
      0.4625,
      1.2025,
      0.555,
      1.295,
      0.6475,
      1.3875,
      0.37
    ],
    "SoftwareVersions": "syngo_MR_E11",
    "SpacingBetweenSlices": 2.5,
    "StationName": "AWP66018",
    "TaskDescription": "Passively listened to audio story 'bronx'",
    "TaskName": "bronx",
    "TotalReadoutTime": 0.0484496,
    "TxRefAmp": 217.598,
    "dataset": "ds002345",
    "modality": "bold",
    "subject_id": "287",
    "task_id": "bronx"
  },
  "dummy_trs": 0,
  "dvars_nstd": 31.0598189788175,
  "dvars_std": 1.334403608354755,
  "dvars_vstd": 1.0051012749614388,
  "efc": 0.45705469708427826,
  "fber": 3182.865478515625,
  "fd_mean": 0.136046689788729,
  "fd_num": 41,
  "fd_perc": 10.512820512820513,
  "fwhm_avg": 1.9380626666666665,
  "fwhm_x": 1.8329879999999998,
  "fwhm_y": 2.114904,
  "fwhm_z": 1.8662960000000002,
  "gcor": 0.0188381,
  "gsr_x": -0.023584667593240738,
  "gsr_y": 0.02264942042529583,
  "provenance": {
    "md5sum": "0729c5b6cd6f3a5b49be6c54179b0bce",
    "settings": {
      "fd_thres": 0.2,
      "testing": false
    },
    "software": "mriqc",
    "version": "22.0.0rc1",
    "webapi_port": null,
    "webapi_url": "https://mriqc.nimh.nih.gov/api/v1"
  },
  "size_t": 390,
  "size_x": 96,
  "size_y": 96,
  "size_z": 48,
  "snr": 5.6089398186555295,
  "spacing_tr": 1.5,
  "spacing_x": 2.5,
  "spacing_y": 2.5,
  "spacing_z": 2.5,
  "summary_bg_k": 33.210144359829656,
  "summary_bg_mad": 6.702122688142521,
  "summary_bg_mean": 25.41069984436035,
  "summary_bg_median": 11.80256462097168,
  "summary_bg_n": 313130.0,
  "summary_bg_p05": 5.807692527770996,
  "summary_bg_p95": 94.12705078124998,
  "summary_bg_stdv": 45.37727355957031,
  "summary_fg_k": 2.092385908037264,
  "summary_fg_mad": 112.0657789333451,
  "summary_fg_mean": 678.010009765625,
  "summary_fg_median": 672.830810546875,
  "summary_fg_n": 67423.0,
  "summary_fg_p05": 514.1930908203125,
  "summary_fg_p95": 872.7628723144529,
  "summary_fg_stdv": 119.95597076416016,
  "tsnr": 54.350864483974874
}