{
  "bids_meta": {
    "DeviceSerialNumber": "45031",
    "DwellTime": 8.2e-06,
    "EchoTime": 0.00308,
    "FlipAngle": 9,
    "InstitutionAddress": "Washington Rd, Princeton, NJ 08540, USA",
    "InstitutionName": "Princeton University",
    "InstitutionalDepartmentName": "Princeton Neuroscience Institute",
    "InversionTime": 0.9,
    "MagneticFieldStrength": 3,
    "Manufacturer": "Siemens",
    "ManufacturersModelName": "Skyra",
    "ParallelReductionFactorInPlane": 2,
    "ParallelReductionType": "GRAPPA",
    "PartialFourier": 1,
    "PixelBandwidth": 240,
    "PulseSequenceDetails": "%SiemensSeq%_tfl",
    "PulseSequenceType": "MPRAGE",
    "ReceiveCoilActiveElements": "HE1-4",
    "ReceiveCoilName": "HeadNeck_20",
    "RepetitionTime": 2.3,
    "ScanOptions": "IR",
    "ScanningSequence": "GR_IR",
    "SequenceName": "_tfl3d1_16ns",
    "SequenceVariant": "SK_SP_MP",
    "SoftwareVersions": "syngo_MR_D11",
    "StationName": "AWP45031",
    "dataset": "ds002345",
    "modality": "T1w",
    "subject_id": "080"
  },
  "cjv": 0.5555171060056571,
  "cnr": 2.3758753414094653,
  "efc": 0.6955888715429746,
  "fber": 471.98871244012196,
  "fwhm_avg": 3.2905330071203767,
  "fwhm_x": 3.2754332031793116,
  "fwhm_y": 3.4351941818181815,
  "fwhm_z": 3.1609716363636364,
  "icvs_csf": 0.1779815904462835,
  "icvs_gm": 0.4316612049763815,
  "icvs_wm": 0.39035720457733497,
  "inu_med": 1.3508282899856567,
  "inu_range": 0.5919990777969357,
  "provenance": {
    "md5sum": "dbcea7eff17ec8e2f5de97abb2afa197",
    "settings": {
      "testing": false
    },
    "software": "mriqc",
    "version": "21.0.0rc2",
    "warnings": {
      "large_rot_frame": true,
      "small_air_mask": false
    },
    "webapi_port": null,
    "webapi_url": "https://mriqc.nimh.nih.gov/api/v1"
  },
  "qi_1": 0.0,
  "qi_2": 0.002653708041357361,
  "rpve_csf": 16.98777638486502,
  "rpve_gm": 7.692493660834733,
  "rpve_wm": 10.078787907731984,
  "size_x": 192,
  "size_y": 255,
  "size_z": 218,
  "snr_csf": 2.5238178778675784,
  "snr_gm": 8.424375191063607,
  "snr_total": 8.309297460869296,
  "snr_wm": 13.979699313676702,
  "snrd_csf": 14.315831250947827,
  "snrd_gm": 25.339489534333037,
  "snrd_total": 24.8176191528083,
  "snrd_wm": 34.79753667314403,
  "spacing_x": 0.9000000357627869,
  "spacing_y": 0.859375,
  "spacing_z": 0.859375,
  "summary_bg_k": 75.7840713220958,
  "summary_bg_mad": 18.82867471686393,
  "summary_bg_mean": 32.334059185971796,
  "summary_bg_median": 28.679563604295254,
  "summary_bg_n": 1945432.0,
  "summary_bg_p05": 6.391926199197769,
  "summary_bg_p95": 73.33894270658493,
  "summary_bg_stdv": 22.343287907086616,
  "summary_csf_k": 11.532715906857122,
  "summary_csf_mad": 173.44825517322997,
  "summary_csf_mean": 408.46854837982744,
  "summary_csf_median": 411.43819692730904,
  "summary_csf_n": 24945.0,
  "summary_csf_p05": 175.6265827521682,
  "summary_csf_p95": 639.9495585486293,
  "summary_csf_stdv": 163.0188745176602,
  "summary_gm_k": 0.4386740585196809,
  "summary_gm_mad": 81.79874578981945,
  "summary_gm_mean": 733.0584547156898,
  "summary_gm_median": 728.2590652480721,
  "summary_gm_n": 37072.0,
  "summary_gm_p05": 599.7477069273591,
  "summary_gm_p95": 885.4499871730804,
  "summary_gm_stdv": 86.44549019245301,
  "summary_wm_k": 0.38874163801739137,
  "summary_wm_mad": 69.20473157522835,
  "summary_wm_mean": 1002.2711643716252,
  "summary_wm_median": 1000.0841372981668,
  "summary_wm_n": 349236.0,
  "summary_wm_p05": 888.8982631489635,
  "summary_wm_p95": 1122.9605080485344,
  "summary_wm_stdv": 71.53821287856013,
  "tpm_overlap_csf": 0.17802917957305908,
  "tpm_overlap_gm": 0.4537641704082489,
  "tpm_overlap_wm": 0.500258207321167,
  "wm2max": 0.45080941729537094
}