{
  "aor": 0.0016833444816053511,
  "aqi": 0.0060118352842809366,
  "bids_meta": {
    "CogAtlasID": "https://www.cognitiveatlas.org/task/id/trm_4c8991fadfe01",
    "DeviceSerialNumber": "45031",
    "DwellTime": 5.4e-06,
    "EchoTime": 0.028,
    "EffectiveEchoSpacing": 0.000390001,
    "FlipAngle": 64,
    "InstitutionAddress": "Washington Rd, Princeton, NJ 08540, USA",
    "InstitutionName": "Princeton University",
    "InstitutionalDepartmentName": "Princeton Neuroscience Institute",
    "MagneticFieldStrength": 3,
    "Manufacturer": "Siemens",
    "ManufacturersModelName": "Skyra",
    "NumberOfVolumesDiscardedByScanner": 3,
    "ParallelReductionFactorInPlane": 2,
    "ParallelReductionType": "GRAPPA",
    "PartialFourier": 1,
    "PhaseEncodingDirection": "j-",
    "PixelBandwidth": 1445,
    "PulseSequenceDetails": "%SiemensSeq%_ep2d_bold",
    "PulseSequenceType": "Gradient Echo EPI",
    "ReceiveCoilActiveElements": "HE1-4",
    "ReceiveCoilName": "HeadNeck_20",
    "RepetitionTime": 1.5,
    "ScanOptions": "FS",
    "ScanningSequence": "EP",
    "SequenceName": "_epfid2d1_64",
    "SequenceVariant": "SK",
    "SliceTiming": [
      0,
      0.7775,
      0.055,
      0.8325,
      0.11,
      0.89,
      0.1675,
      0.945,
      0.2225,
      1,
      0.2775,
      1.055,
      0.3325,
      1.11,
      0.39,
      1.1675,
      0.445,
      1.2225,
      0.5,
      1.2775,
      0.555,
      1.3325,
      0.61,
      1.3875,
      0.6675,
      1.445,
      0.7225
    ],
    "SoftwareVersions": "syngo_MR_D11",
    "StationName": "AWP45031",
    "TaskDescription": "Passively listened to audio story 'pieman'",
    "TaskName": "pieman",
    "TotalReadoutTime": 0.0245701,
    "dataset": "ds002345",
    "modality": "bold",
    "subject_id": "073",
    "task_id": "pieman"
  },
  "dummy_trs": 1,
  "dvars_nstd": 20.513647616845642,
  "dvars_std": 1.197478717684563,
  "dvars_vstd": 1.0218623933221476,
  "efc": 0.6084065246065039,
  "fber": 1102.7415771484375,
  "fd_mean": 0.09470932817910045,
  "fd_num": 14,
  "fd_perc": 4.682274247491639,
  "fwhm_avg": 1.7457849369396843,
  "fwhm_x": 1.6956333333333333,
  "fwhm_y": 1.9547566666666667,
  "fwhm_z": 1.5869648108190524,
  "gcor": 0.0501514,
  "gsr_x": -0.001661947462707758,
  "gsr_y": 0.05371168255805969,
  "provenance": {
    "md5sum": "0aa00febf7db77251e45b012c8f014fd",
    "settings": {
      "fd_thres": 0.2,
      "testing": false
    },
    "software": "mriqc",
    "version": "21.0.0rc2",
    "webapi_port": null,
    "webapi_url": "https://mriqc.nimh.nih.gov/api/v1"
  },
  "size_t": 299,
  "size_x": 64,
  "size_y": 64,
  "size_z": 27,
  "snr": 6.511194939709211,
  "spacing_tr": 1.5,
  "spacing_x": 3.0,
  "spacing_y": 3.0,
  "spacing_z": 4.000000476837158,
  "summary_bg_k": 11.996168288368509,
  "summary_bg_mad": 16.772247245249556,
  "summary_bg_mean": 53.4781494140625,
  "summary_bg_median": 20.5,
  "summary_bg_n": 54906.0,
  "summary_bg_p05": 7.809364318847656,
  "summary_bg_p95": 227.01254272460938,
  "summary_bg_stdv": 78.47306823730469,
  "summary_fg_k": 2.149886895048315,
  "summary_fg_mad": 103.3507853750054,
  "summary_fg_mean": 734.7412109375,
  "summary_fg_median": 725.2909545898438,
  "summary_fg_n": 27731.0,
  "summary_fg_p05": 585.8411560058594,
  "summary_fg_p95": 919.4916381835938,
  "summary_fg_stdv": 111.38936614990234,
  "tsnr": 71.81997696892358
}