{
  "aor": 0.0018791586206896558,
  "aqi": 0.012201962662068964,
  "bids_meta": {
    "CogAtlasID": "https://www.cognitiveatlas.org/task/id/trm_4c8991fadfe01",
    "DeviceSerialNumber": "45031",
    "DwellTime": 4.9e-06,
    "EchoTime": 0.028,
    "EffectiveEchoSpacing": 0.000355001,
    "FlipAngle": 64,
    "InstitutionAddress": "Washington Rd, Princeton, NJ 08540, USA",
    "InstitutionName": "Princeton University",
    "InstitutionalDepartmentName": "Princeton Neuroscience Institute",
    "MagneticFieldStrength": 3,
    "Manufacturer": "Siemens",
    "ManufacturersModelName": "Skyra",
    "NumberOfVolumesDiscardedByScanner": 3,
    "ParallelReductionFactorInPlane": 2,
    "ParallelReductionType": "GRAPPA",
    "PartialFourier": 1,
    "PhaseEncodingDirection": "j-",
    "PixelBandwidth": 1595,
    "PulseSequenceDetails": "%SiemensSeq%_ep2d_bold",
    "PulseSequenceType": "Gradient Echo EPI",
    "ReceiveCoilActiveElements": "HE1-4",
    "ReceiveCoilName": "HeadNeck_20",
    "RepetitionTime": 1.5,
    "ScanOptions": "FS",
    "ScanningSequence": "EP",
    "SequenceName": "_epfid2d1_64",
    "SequenceVariant": "SK",
    "SliceTiming": [
      0,
      0.7675,
      0.055,
      0.8225,
      0.1075,
      0.875,
      0.1625,
      0.93,
      0.2175,
      0.985,
      0.2725,
      1.04,
      0.3275,
      1.095,
      0.3825,
      1.15,
      0.4375,
      1.205,
      0.4925,
      1.26,
      0.5475,
      1.315,
      0.6025,
      1.37,
      0.6575,
      1.425,
      0.7125
    ],
    "SoftwareVersions": "syngo_MR_D13",
    "StationName": "AWP45031",
    "TaskDescription": "Passively listened to audio story 'sherlock'",
    "TaskName": "sherlock",
    "TotalReadoutTime": 0.022365,
    "dataset": "ds002345",
    "modality": "bold",
    "subject_id": "162",
    "task_id": "sherlock"
  },
  "dummy_trs": 0,
  "dvars_nstd": 20.968396124889512,
  "dvars_std": 1.2123444069475127,
  "dvars_vstd": 1.0262409706629838,
  "efc": 0.6148589367211447,
  "fber": 1720.0694580078125,
  "fd_mean": 0.12244133419253278,
  "fd_num": 88,
  "fd_perc": 12.137931034482758,
  "fwhm_avg": 1.8349133333333334,
  "fwhm_x": 1.79417,
  "fwhm_y": 2.09097,
  "fwhm_z": 1.6196,
  "gcor": 0.0295928,
  "gsr_x": -0.010881868191063404,
  "gsr_y": 0.051736701279878616,
  "provenance": {
    "md5sum": "6b9687381618345e7884bec783f2db89",
    "settings": {
      "fd_thres": 0.2,
      "testing": false
    },
    "software": "mriqc",
    "version": "22.0.0rc1",
    "webapi_port": null,
    "webapi_url": "https://mriqc.nimh.nih.gov/api/v1"
  },
  "size_t": 725,
  "size_x": 64,
  "size_y": 64,
  "size_z": 27,
  "snr": 6.481027457187846,
  "spacing_tr": 1.5,
  "spacing_x": 3.0,
  "spacing_y": 3.0,
  "spacing_z": 4.0,
  "summary_bg_k": 23.499047398415733,
  "summary_bg_mad": 14.718661851562453,
  "summary_bg_mean": 47.13880157470703,
  "summary_bg_median": 18.86965560913086,
  "summary_bg_n": 51056.0,
  "summary_bg_p05": 7.212413787841797,
  "summary_bg_p95": 183.32448959350586,
  "summary_bg_stdv": 79.98697662353516,
  "summary_fg_k": 3.103409570486378,
  "summary_fg_mad": 108.46306640127945,
  "summary_fg_mean": 834.2030639648438,
  "summary_fg_median": 820.1669311523438,
  "summary_fg_n": 30701.0,
  "summary_fg_p05": 670.7765502929688,
  "summary_fg_p95": 1046.91455078125,
  "summary_fg_stdv": 126.54684448242188,
  "tsnr": 61.35508276987821
}