{
  "aor": 0.0012224267100977198,
  "aqi": 0.007971510195439738,
  "bids_meta": {
    "CogAtlasID": "https://www.cognitiveatlas.org/task/id/trm_4c8991fadfe01",
    "DeviceSerialNumber": "45031",
    "DwellTime": 4.9e-06,
    "EchoTime": 0.028,
    "EffectiveEchoSpacing": 0.000355001,
    "FlipAngle": 64,
    "InstitutionAddress": "Washington Rd, Princeton, NJ 08540, USA",
    "InstitutionName": "Princeton University",
    "InstitutionalDepartmentName": "Princeton Neuroscience Institute",
    "MagneticFieldStrength": 3,
    "Manufacturer": "Siemens",
    "ManufacturersModelName": "Skyra",
    "NumberOfVolumesDiscardedByScanner": 3,
    "ParallelReductionFactorInPlane": 2,
    "ParallelReductionType": "GRAPPA",
    "PartialFourier": 1,
    "PhaseEncodingDirection": "j-",
    "PixelBandwidth": 1595,
    "PulseSequenceDetails": "%SiemensSeq%_ep2d_bold",
    "PulseSequenceType": "Gradient Echo EPI",
    "ReceiveCoilActiveElements": "HE1-4",
    "ReceiveCoilName": "HeadNeck_20",
    "RepetitionTime": 1.5,
    "ScanOptions": "FS",
    "ScanningSequence": "EP",
    "SequenceName": "_epfid2d1_64",
    "SequenceVariant": "SK",
    "SliceTiming": [
      0,
      0.7675,
      0.055,
      0.8225,
      0.1075,
      0.875,
      0.1625,
      0.93,
      0.2175,
      0.985,
      0.2725,
      1.04,
      0.3275,
      1.095,
      0.3825,
      1.15,
      0.4375,
      1.205,
      0.4925,
      1.26,
      0.5475,
      1.315,
      0.6025,
      1.37,
      0.6575,
      1.425,
      0.7125
    ],
    "SoftwareVersions": "syngo_MR_D13",
    "StationName": "AWP45031",
    "TaskDescription": "Passively listened to audio story 'merlin'",
    "TaskName": "merlin",
    "TotalReadoutTime": 0.022365,
    "dataset": "ds002345",
    "modality": "bold",
    "subject_id": "162",
    "task_id": "merlin"
  },
  "dummy_trs": 0,
  "dvars_nstd": 20.805694558401303,
  "dvars_std": 1.193354298825448,
  "dvars_vstd": 1.0014403449265903,
  "efc": 0.6154737531782587,
  "fber": 1670.6859130859375,
  "fd_mean": 0.10597275347476467,
  "fd_num": 24,
  "fd_perc": 3.9087947882736156,
  "fwhm_avg": 1.8374444444444444,
  "fwhm_x": 1.79036,
  "fwhm_y": 2.0942233333333333,
  "fwhm_z": 1.62775,
  "gcor": 0.0339322,
  "gsr_x": -0.012401625514030457,
  "gsr_y": 0.05180937796831131,
  "provenance": {
    "md5sum": "a2cb50bf0cdab3e3d1a89e145ce186e7",
    "settings": {
      "fd_thres": 0.2,
      "testing": false
    },
    "software": "mriqc",
    "version": "22.0.0rc1",
    "webapi_port": null,
    "webapi_url": "https://mriqc.nimh.nih.gov/api/v1"
  },
  "size_t": 614,
  "size_x": 64,
  "size_y": 64,
  "size_z": 27,
  "snr": 6.476667030636701,
  "spacing_tr": 1.5,
  "spacing_x": 3.0,
  "spacing_y": 3.0,
  "spacing_z": 4.0,
  "summary_bg_k": 23.80784988392707,
  "summary_bg_mad": 14.565238843475463,
  "summary_bg_mean": 47.156314849853516,
  "summary_bg_median": 18.941368103027344,
  "summary_bg_n": 50963.0,
  "summary_bg_p05": 7.348534107208252,
  "summary_bg_p95": 184.61856384277323,
  "summary_bg_stdv": 80.35894775390625,
  "summary_fg_k": 2.9641917001596054,
  "summary_fg_mad": 110.49730089053763,
  "summary_fg_mean": 836.4380493164062,
  "summary_fg_median": 822.3729248046875,
  "summary_fg_n": 30783.0,
  "summary_fg_p05": 673.5078125,
  "summary_fg_p95": 1051.5081298828125,
  "summary_fg_stdv": 126.97264862060547,
  "tsnr": 71.6327278711833
}