{
  "aor": 0.003666,
  "aqi": 0.011612757410526316,
  "bids_meta": {
    "CogAtlasID": "https://www.cognitiveatlas.org/task/id/trm_4c8991fadfe01",
    "DeviceSerialNumber": "45031",
    "DwellTime": 5.4e-06,
    "EchoTime": 0.028,
    "EffectiveEchoSpacing": 0.000390001,
    "FlipAngle": 64,
    "InstitutionAddress": "Washington Rd, Princeton, NJ 08540, USA",
    "InstitutionName": "Princeton University",
    "InstitutionalDepartmentName": "Princeton Neuroscience Institute",
    "MagneticFieldStrength": 3,
    "Manufacturer": "Siemens",
    "ManufacturersModelName": "Skyra",
    "NumberOfVolumesDiscardedByScanner": 3,
    "ParallelReductionFactorInPlane": 2,
    "ParallelReductionType": "GRAPPA",
    "PartialFourier": 1,
    "PhaseEncodingDirection": "j-",
    "PixelBandwidth": 1445,
    "PulseSequenceDetails": "%SiemensSeq%_ep2d_bold",
    "PulseSequenceType": "Gradient Echo EPI",
    "ReceiveCoilActiveElements": "HE1-4",
    "ReceiveCoilName": "HeadNeck_20",
    "RepetitionTime": 1.5,
    "ScanOptions": "FS",
    "ScanningSequence": "EP",
    "SequenceName": "_epfid2d1_64",
    "SequenceVariant": "SK",
    "SliceTiming": [
      0,
      0.7775,
      0.055,
      0.8325,
      0.11,
      0.8875,
      0.165,
      0.9425,
      0.22,
      0.9975,
      0.2775,
      1.055,
      0.3325,
      1.11,
      0.3875,
      1.165,
      0.4425,
      1.22,
      0.5,
      1.2775,
      0.555,
      1.3325,
      0.61,
      1.3875,
      0.665,
      1.4425,
      0.72
    ],
    "SoftwareVersions": "syngo_MR_D11",
    "StationName": "AWP45031",
    "TaskDescription": "Passively listened to audio story 'prettymouth'",
    "TaskName": "prettymouth",
    "TotalReadoutTime": 0.0245701,
    "dataset": "ds002345",
    "modality": "bold",
    "subject_id": "108",
    "task_id": "prettymouth"
  },
  "dummy_trs": 0,
  "dvars_nstd": 23.951520952004234,
  "dvars_std": 1.2767846579746815,
  "dvars_vstd": 1.0433750534388184,
  "efc": 0.5833506995338223,
  "fber": 1717.5819091796875,
  "fd_mean": 0.14743252467303164,
  "fd_num": 69,
  "fd_perc": 14.526315789473685,
  "fwhm_avg": 1.7247980555555555,
  "fwhm_x": 1.6441133333333333,
  "fwhm_y": 1.9773833333333333,
  "fwhm_z": 1.5528975,
  "gcor": 0.089407,
  "gsr_x": 0.0033891655039042234,
  "gsr_y": 0.038595493882894516,
  "provenance": {
    "md5sum": "27d1d20e4debe021219e77138540495e",
    "settings": {
      "fd_thres": 0.2,
      "testing": false
    },
    "software": "mriqc",
    "version": "22.0.0rc1",
    "webapi_port": null,
    "webapi_url": "https://mriqc.nimh.nih.gov/api/v1"
  },
  "size_t": 475,
  "size_x": 64,
  "size_y": 64,
  "size_z": 27,
  "snr": 7.072706505409009,
  "spacing_tr": 1.5,
  "spacing_x": 3.0,
  "spacing_y": 3.0,
  "spacing_z": 4.0,
  "summary_bg_k": 21.110482729314782,
  "summary_bg_mad": 12.048094234485001,
  "summary_bg_mean": 40.21983337402344,
  "summary_bg_median": 16.526315689086914,
  "summary_bg_n": 56252.0,
  "summary_bg_p05": 6.873683929443359,
  "summary_bg_p95": 156.1656753540036,
  "summary_bg_stdv": 67.99835205078125,
  "summary_fg_k": 2.8285627907951945,
  "summary_fg_mad": 88.02909951490884,
  "summary_fg_mean": 691.947021484375,
  "summary_fg_median": 687.23681640625,
  "summary_fg_n": 26284.0,
  "summary_fg_p05": 552.1553405761719,
  "summary_fg_p95": 847.1355163574218,
  "summary_fg_stdv": 97.16559600830078,
  "tsnr": 55.905222703004256
}