{
  "aor": 0.0074716835016835036,
  "aqi": 0.012030748754208754,
  "bids_meta": {
    "CogAtlasID": "https://www.cognitiveatlas.org/task/id/trm_4c8991fadfe01",
    "DeviceSerialNumber": "45031",
    "DwellTime": 5.4e-06,
    "EchoTime": 0.028,
    "EffectiveEchoSpacing": 0.000390001,
    "FlipAngle": 64,
    "InstitutionAddress": "Washington Rd, Princeton, NJ 08540, USA",
    "InstitutionName": "Princeton University",
    "InstitutionalDepartmentName": "Princeton Neuroscience Institute",
    "MagneticFieldStrength": 3,
    "Manufacturer": "Siemens",
    "ManufacturersModelName": "Skyra",
    "NumberOfVolumesDiscardedByScanner": 3,
    "ParallelReductionFactorInPlane": 2,
    "ParallelReductionType": "GRAPPA",
    "PartialFourier": 1,
    "PhaseEncodingDirection": "j-",
    "PixelBandwidth": 1445,
    "PulseSequenceDetails": "%SiemensSeq%_ep2d_bold",
    "PulseSequenceType": "Gradient Echo EPI",
    "ReceiveCoilActiveElements": "HE1-4",
    "ReceiveCoilName": "HeadNeck_20",
    "RepetitionTime": 1.5,
    "ScanOptions": "FS",
    "ScanningSequence": "EP",
    "SequenceName": "_epfid2d1_64",
    "SequenceVariant": "SK",
    "SliceTiming": [
      0,
      0.7775,
      0.055,
      0.8325,
      0.11,
      0.8875,
      0.165,
      0.9425,
      0.22,
      0.9975,
      0.2775,
      1.055,
      0.3325,
      1.11,
      0.3875,
      1.165,
      0.4425,
      1.22,
      0.5,
      1.2775,
      0.555,
      1.3325,
      0.61,
      1.3875,
      0.665,
      1.4425,
      0.72
    ],
    "SoftwareVersions": "syngo_MR_D11",
    "StationName": "AWP45031",
    "TaskDescription": "Passively listened to audio story 'milkyway'",
    "TaskName": "milkyway",
    "TotalReadoutTime": 0.0245701,
    "dataset": "ds002345",
    "modality": "bold",
    "subject_id": "108",
    "task_id": "milkyway"
  },
  "dummy_trs": 0,
  "dvars_nstd": 25.02972894746621,
  "dvars_std": 1.2359604465878384,
  "dvars_vstd": 1.0304396823986488,
  "efc": 0.5860599755502164,
  "fber": 1588.8067626953125,
  "fd_mean": 0.18368430457090001,
  "fd_num": 37,
  "fd_perc": 12.457912457912458,
  "fwhm_avg": 1.7519633333333333,
  "fwhm_x": 1.6673566666666666,
  "fwhm_y": 1.9992133333333333,
  "fwhm_z": 1.58932,
  "gcor": 0.0647962,
  "gsr_x": 0.0012179372133687139,
  "gsr_y": 0.03501927852630615,
  "provenance": {
    "md5sum": "cdbc96b310b82e1c21974a69d1559afb",
    "settings": {
      "fd_thres": 0.2,
      "testing": false
    },
    "software": "mriqc",
    "version": "22.0.0rc1",
    "webapi_port": null,
    "webapi_url": "https://mriqc.nimh.nih.gov/api/v1"
  },
  "size_t": 297,
  "size_x": 64,
  "size_y": 64,
  "size_z": 27,
  "snr": 7.1177836133301255,
  "spacing_tr": 1.5,
  "spacing_x": 3.0,
  "spacing_y": 3.0,
  "spacing_z": 4.0,
  "summary_bg_k": 22.029592897416226,
  "summary_bg_mad": 11.53883854977944,
  "summary_bg_mean": 39.86861038208008,
  "summary_bg_median": 16.59090805053711,
  "summary_bg_n": 55998.0,
  "summary_bg_p05": 7.259259223937988,
  "summary_bg_p95": 154.78047409057555,
  "summary_bg_stdv": 68.129638671875,
  "summary_fg_k": 3.428441688863783,
  "summary_fg_mad": 88.2673166987599,
  "summary_fg_mean": 690.5221557617188,
  "summary_fg_median": 686.013427734375,
  "summary_fg_n": 26547.0,
  "summary_fg_p05": 554.3158142089844,
  "summary_fg_p95": 844.1599243164062,
  "summary_fg_stdv": 96.37838745117188,
  "tsnr": 55.038719828939065
}