{
  "aor": 0.003100352564102564,
  "aqi": 0.00799522733974359,
  "bids_meta": {
    "CogAtlasID": "https://www.cognitiveatlas.org/task/id/trm_4c8991fadfe01",
    "DeviceSerialNumber": "66018",
    "DwellTime": 4.2e-06,
    "EchoTime": 0.039,
    "EffectiveEchoSpacing": 0.000929976,
    "FlipAngle": 50,
    "InstitutionAddress": "Washington Rd, Princeton, NJ 08540, USA",
    "InstitutionName": "Princeton University",
    "InstitutionalDepartmentName": "Princeton Neuroscience Institute",
    "MagneticFieldStrength": 3,
    "Manufacturer": "Siemens",
    "ManufacturersModelName": "Prisma",
    "NumberOfVolumesDiscardedByScanner": 3,
    "ParallelReductionType": "GRAPPA",
    "PartialFourier": 0.75,
    "PhaseEncodingDirection": "j-",
    "PixelBandwidth": 1240,
    "PulseSequenceDetails": "%CustomerSeq%_ep2d_bold_sms_mgh_v22",
    "PulseSequenceType": "Gradient Echo EPI",
    "ReceiveCoilActiveElements": "HC1-7;NC1,2",
    "ReceiveCoilName": "HeadNeck_64",
    "RepetitionTime": 1.5,
    "ScanOptions": "PFP_FS",
    "ScanningSequence": "EP",
    "SequenceName": "epfSM2d1_96",
    "SequenceVariant": "SK",
    "SliceTiming": [
      0.6925,
      0,
      0.79,
      0.1,
      0.8875,
      0.1975,
      0.9875,
      0.2975,
      1.085,
      0.395,
      1.185,
      0.495,
      1.2825,
      0.5925,
      1.3825,
      0.6925,
      0,
      0.79,
      0.1,
      0.8875,
      0.1975,
      0.9875,
      0.2975,
      1.085,
      0.395,
      1.185,
      0.495,
      1.2825,
      0.5925,
      1.3825,
      0.6925,
      0,
      0.79,
      0.1,
      0.8875,
      0.1975,
      0.9875,
      0.2975,
      1.085,
      0.395,
      1.185,
      0.495,
      1.2825,
      0.5925,
      1.3825,
      0.6925,
      0,
      0.79,
      0.1,
      0.8875,
      0.1975,
      0.9875,
      0.2975,
      1.085,
      0.395,
      1.185,
      0.495,
      1.2825,
      0.5925,
      1.3825
    ],
    "SoftwareVersions": "syngo_MR_D13D",
    "StationName": "AWP66018",
    "TaskDescription": "Passively listened to audio story 'shapessocial'",
    "TaskName": "shapessocial",
    "TotalReadoutTime": 0.0883478,
    "dataset": "ds002345",
    "modality": "bold",
    "subject_id": "200",
    "task_id": "shapessocial"
  },
  "dummy_trs": 1,
  "dvars_nstd": 28.386329485305467,
  "dvars_std": 1.0231865018649526,
  "dvars_vstd": 0.9997081026045012,
  "efc": 0.5601473109351355,
  "fber": 407.5683898925781,
  "fd_mean": 0.12201087452227798,
  "fd_num": 23,
  "fd_perc": 7.371794871794871,
  "fwhm_avg": 2.748666666666667,
  "fwhm_x": 2.581175,
  "fwhm_y": 2.88401,
  "fwhm_z": 2.780815,
  "gcor": 0.00521464,
  "gsr_x": 0.006757182069122791,
  "gsr_y": 0.045243311673402786,
  "provenance": {
    "md5sum": "73f2d9f5dd7c5a852f0d53d682acf7a8",
    "settings": {
      "fd_thres": 0.2,
      "testing": false
    },
    "software": "mriqc",
    "version": "22.0.0rc1",
    "webapi_port": null,
    "webapi_url": "https://mriqc.nimh.nih.gov/api/v1"
  },
  "size_t": 312,
  "size_x": 96,
  "size_y": 96,
  "size_z": 60,
  "snr": 2.390677131657627,
  "spacing_tr": 1.5,
  "spacing_x": 2.0,
  "spacing_y": 2.0,
  "spacing_z": 2.0,
  "summary_bg_k": 48.69491363426248,
  "summary_bg_mad": 6.139493657255797,
  "summary_bg_mean": 41.17364501953125,
  "summary_bg_median": 24.221153259277344,
  "summary_bg_n": 333689.0,
  "summary_bg_p05": 18.875,
  "summary_bg_p95": 117.01602935791016,
  "summary_bg_stdv": 57.439571380615234,
  "summary_fg_k": 4.8177487041966645,
  "summary_fg_mad": 173.83511011978183,
  "summary_fg_mean": 531.6969604492188,
  "summary_fg_median": 499.673095703125,
  "summary_fg_n": 135771.0,
  "summary_fg_p05": 276.24839782714844,
  "summary_fg_p95": 909.3285522460938,
  "summary_fg_stdv": 209.0082550048828,
  "tsnr": 39.92083407682367
}