{
  "aor": 0.0011934496124031007,
  "aqi": 0.0124498038372093,
  "bids_meta": {
    "CogAtlasID": "https://www.cognitiveatlas.org/task/id/trm_4c8991fadfe01",
    "DeviceSerialNumber": "66018",
    "DwellTime": 4.2e-06,
    "EchoTime": 0.039,
    "EffectiveEchoSpacing": 0.000929976,
    "FlipAngle": 50,
    "InstitutionAddress": "Washington Rd, Princeton, NJ 08540, USA",
    "InstitutionName": "Princeton University",
    "InstitutionalDepartmentName": "Princeton Neuroscience Institute",
    "MagneticFieldStrength": 3,
    "Manufacturer": "Siemens",
    "ManufacturersModelName": "Prisma",
    "NumberOfVolumesDiscardedByScanner": 3,
    "ParallelReductionType": "GRAPPA",
    "PartialFourier": 0.75,
    "PhaseEncodingDirection": "j-",
    "PixelBandwidth": 1240,
    "PulseSequenceDetails": "%CustomerSeq%_ep2d_bold_sms_mgh_v22",
    "PulseSequenceType": "Gradient Echo EPI",
    "ReceiveCoilActiveElements": "HC1-7;NC1,2",
    "ReceiveCoilName": "HeadNeck_64",
    "RepetitionTime": 1.5,
    "ScanOptions": "PFP_FS",
    "ScanningSequence": "EP",
    "SequenceName": "epfSM2d1_96",
    "SequenceVariant": "SK",
    "SliceTiming": [
      0.6925,
      0,
      0.79,
      0.1,
      0.8875,
      0.1975,
      0.9875,
      0.2975,
      1.085,
      0.395,
      1.185,
      0.495,
      1.2825,
      0.5925,
      1.3825,
      0.6925,
      0,
      0.79,
      0.1,
      0.8875,
      0.1975,
      0.9875,
      0.2975,
      1.085,
      0.395,
      1.185,
      0.495,
      1.2825,
      0.5925,
      1.3825,
      0.6925,
      0,
      0.79,
      0.1,
      0.8875,
      0.1975,
      0.9875,
      0.2975,
      1.085,
      0.395,
      1.185,
      0.495,
      1.2825,
      0.5925,
      1.3825,
      0.6925,
      0,
      0.79,
      0.1,
      0.8875,
      0.1975,
      0.9875,
      0.2975,
      1.085,
      0.395,
      1.185,
      0.495,
      1.2825,
      0.5925,
      1.3825
    ],
    "SoftwareVersions": "syngo_MR_D13D",
    "StationName": "AWP66018",
    "TaskDescription": "Passively listened to audio story 'schema'",
    "TaskName": "schema",
    "TotalReadoutTime": 0.0883478,
    "dataset": "ds002345",
    "modality": "bold",
    "run_id": 3,
    "subject_id": "200",
    "task_id": "schema"
  },
  "dummy_trs": 1,
  "dvars_nstd": 30.027181577262127,
  "dvars_std": 0.9832449340776701,
  "dvars_vstd": 0.9419039077669898,
  "efc": 0.5506523460498645,
  "fber": 408.7981872558594,
  "fd_mean": 0.13606298815221224,
  "fd_num": 59,
  "fd_perc": 11.434108527131784,
  "fwhm_avg": 2.856848333333333,
  "fwhm_x": 2.68623,
  "fwhm_y": 2.997155,
  "fwhm_z": 2.88716,
  "gcor": 0.0117325,
  "gsr_x": 0.00525095546618104,
  "gsr_y": 0.04576152190566063,
  "provenance": {
    "md5sum": "fb7531013f0def04576b2ea1640dfe4d",
    "settings": {
      "fd_thres": 0.2,
      "testing": false
    },
    "software": "mriqc",
    "version": "22.0.0rc1",
    "webapi_port": null,
    "webapi_url": "https://mriqc.nimh.nih.gov/api/v1"
  },
  "size_t": 516,
  "size_x": 96,
  "size_y": 96,
  "size_z": 60,
  "snr": 2.2475265291067053,
  "spacing_tr": 1.5,
  "spacing_x": 2.0,
  "spacing_y": 2.0,
  "spacing_z": 2.0,
  "summary_bg_k": 47.26490285377987,
  "summary_bg_mad": 7.165911665390181,
  "summary_bg_mean": 40.543399810791016,
  "summary_bg_median": 24.503875732421875,
  "summary_bg_n": 336811.0,
  "summary_bg_p05": 18.114341735839844,
  "summary_bg_p95": 114.88953399658203,
  "summary_bg_stdv": 53.96558380126953,
  "summary_fg_k": 6.545019183946042,
  "summary_fg_mad": 182.48363814287418,
  "summary_fg_mean": 544.3717041015625,
  "summary_fg_median": 506.1065979003906,
  "summary_fg_n": 132969.0,
  "summary_fg_p05": 279.2023193359375,
  "summary_fg_p95": 947.5968872070312,
  "summary_fg_stdv": 225.18296813964844,
  "tsnr": 31.128200713312253
}