{
  "aor": 0.0018699025974025976,
  "aqi": 0.0059846894480519485,
  "bids_meta": {
    "CogAtlasID": "https://www.cognitiveatlas.org/task/id/trm_4c8991fadfe01",
    "DeviceSerialNumber": "66018",
    "DwellTime": 4.2e-06,
    "EchoTime": 0.039,
    "EffectiveEchoSpacing": 0.000929976,
    "FlipAngle": 50,
    "InstitutionAddress": "Washington Rd, Princeton, NJ 08540, USA",
    "InstitutionName": "Princeton University",
    "InstitutionalDepartmentName": "Princeton Neuroscience Institute",
    "MagneticFieldStrength": 3,
    "Manufacturer": "Siemens",
    "ManufacturersModelName": "Prisma",
    "NumberOfVolumesDiscardedByScanner": 3,
    "ParallelReductionType": "GRAPPA",
    "PartialFourier": 0.75,
    "PhaseEncodingDirection": "j-",
    "PixelBandwidth": 1240,
    "PulseSequenceDetails": "%CustomerSeq%_ep2d_bold_sms_mgh_v22",
    "PulseSequenceType": "Gradient Echo EPI",
    "ReceiveCoilActiveElements": "HC1-7;NC1,2",
    "ReceiveCoilName": "HeadNeck_64",
    "RepetitionTime": 1.5,
    "ScanOptions": "PFP_FS",
    "ScanningSequence": "EP",
    "SequenceName": "epfSM2d1_96",
    "SequenceVariant": "SK",
    "SliceTiming": [
      0.6925,
      0,
      0.79,
      0.1,
      0.8875,
      0.1975,
      0.9875,
      0.2975,
      1.085,
      0.395,
      1.185,
      0.495,
      1.2825,
      0.5925,
      1.3825,
      0.6925,
      0,
      0.79,
      0.1,
      0.8875,
      0.1975,
      0.9875,
      0.2975,
      1.085,
      0.395,
      1.185,
      0.495,
      1.2825,
      0.5925,
      1.3825,
      0.6925,
      0,
      0.79,
      0.1,
      0.8875,
      0.1975,
      0.9875,
      0.2975,
      1.085,
      0.395,
      1.185,
      0.495,
      1.2825,
      0.5925,
      1.3825,
      0.6925,
      0,
      0.79,
      0.1,
      0.8875,
      0.1975,
      0.9875,
      0.2975,
      1.085,
      0.395,
      1.185,
      0.495,
      1.2825,
      0.5925,
      1.3825
    ],
    "SoftwareVersions": "syngo_MR_D13D",
    "StationName": "AWP66018",
    "TaskDescription": "Passively listened to audio story 'shapesphysical'",
    "TaskName": "shapesphysical",
    "TotalReadoutTime": 0.0883478,
    "dataset": "ds002345",
    "modality": "bold",
    "subject_id": "200",
    "task_id": "shapesphysical"
  },
  "dummy_trs": 2,
  "dvars_nstd": 29.159756812996747,
  "dvars_std": 1.059388420065147,
  "dvars_vstd": 1.0068453413029321,
  "efc": 0.5602991163578434,
  "fber": 401.69378662109375,
  "fd_mean": 0.10844903823533371,
  "fd_num": 17,
  "fd_perc": 5.51948051948052,
  "fwhm_avg": 2.748841666666667,
  "fwhm_x": 2.589875,
  "fwhm_y": 2.88428,
  "fwhm_z": 2.77237,
  "gcor": 0.00957411,
  "gsr_x": 0.005121713504195213,
  "gsr_y": 0.04605023190379143,
  "provenance": {
    "md5sum": "451042ec8abc2a15d4131a9127eb869b",
    "settings": {
      "fd_thres": 0.2,
      "testing": false
    },
    "software": "mriqc",
    "version": "22.0.0rc1",
    "webapi_port": null,
    "webapi_url": "https://mriqc.nimh.nih.gov/api/v1"
  },
  "size_t": 308,
  "size_x": 96,
  "size_y": 96,
  "size_z": 60,
  "snr": 2.3722025149383845,
  "spacing_tr": 1.5,
  "spacing_x": 2.0,
  "spacing_y": 2.0,
  "spacing_z": 2.0,
  "summary_bg_k": 48.83742298781663,
  "summary_bg_mad": 6.4069620109757635,
  "summary_bg_mean": 41.528892517089844,
  "summary_bg_median": 24.340909957885742,
  "summary_bg_n": 333030.0,
  "summary_bg_p05": 18.62013053894043,
  "summary_bg_p95": 118.9902572631836,
  "summary_bg_stdv": 58.91667556762695,
  "summary_fg_k": 5.045833852703289,
  "summary_fg_mad": 174.4680936719331,
  "summary_fg_mean": 533.0448608398438,
  "summary_fg_median": 499.9788818359375,
  "summary_fg_n": 136056.0,
  "summary_fg_p05": 276.2272644042969,
  "summary_fg_p95": 912.7564849853516,
  "summary_fg_stdv": 210.76490783691406,
  "tsnr": 43.529193583875895
}