{
  "aor": 0.0028580769230769233,
  "aqi": 0.009846721376518219,
  "bids_meta": {
    "CogAtlasID": "https://www.cognitiveatlas.org/task/id/trm_4c8991fadfe01",
    "DeviceSerialNumber": "66018",
    "DwellTime": 4.2e-06,
    "EchoTime": 0.039,
    "EffectiveEchoSpacing": 0.000929976,
    "FlipAngle": 50,
    "InstitutionAddress": "Washington Rd, Princeton, NJ 08540, USA",
    "InstitutionName": "Princeton University",
    "InstitutionalDepartmentName": "Princeton Neuroscience Institute",
    "MagneticFieldStrength": 3,
    "Manufacturer": "Siemens",
    "ManufacturersModelName": "Prisma",
    "NumberOfVolumesDiscardedByScanner": 3,
    "ParallelReductionType": "GRAPPA",
    "PartialFourier": 0.75,
    "PhaseEncodingDirection": "j-",
    "PixelBandwidth": 1240,
    "PulseSequenceDetails": "%CustomerSeq%_ep2d_bold_sms_mgh_v22",
    "PulseSequenceType": "Gradient Echo EPI",
    "ReceiveCoilActiveElements": "HC1-7;NC1,2",
    "ReceiveCoilName": "HeadNeck_64",
    "RepetitionTime": 1.5,
    "ScanOptions": "PFP_FS",
    "ScanningSequence": "EP",
    "SequenceName": "epfSM2d1_96",
    "SequenceVariant": "SK",
    "SliceTiming": [
      0.6925,
      0,
      0.79,
      0.1,
      0.8875,
      0.1975,
      0.9875,
      0.2975,
      1.085,
      0.395,
      1.185,
      0.495,
      1.2825,
      0.5925,
      1.3825,
      0.6925,
      0,
      0.79,
      0.1,
      0.8875,
      0.1975,
      0.9875,
      0.2975,
      1.085,
      0.395,
      1.185,
      0.495,
      1.2825,
      0.5925,
      1.3825,
      0.6925,
      0,
      0.79,
      0.1,
      0.8875,
      0.1975,
      0.9875,
      0.2975,
      1.085,
      0.395,
      1.185,
      0.495,
      1.2825,
      0.5925,
      1.3825,
      0.6925,
      0,
      0.79,
      0.1,
      0.8875,
      0.1975,
      0.9875,
      0.2975,
      1.085,
      0.395,
      1.185,
      0.495,
      1.2825,
      0.5925,
      1.3825
    ],
    "SoftwareVersions": "syngo_MR_D13D",
    "StationName": "AWP66018",
    "TaskDescription": "Passively listened to audio story 'schema'",
    "TaskName": "schema",
    "TotalReadoutTime": 0.0883478,
    "dataset": "ds002345",
    "modality": "bold",
    "run_id": 2,
    "subject_id": "200",
    "task_id": "schema"
  },
  "dummy_trs": 1,
  "dvars_nstd": 31.841647076673443,
  "dvars_std": 1.0373384964503032,
  "dvars_vstd": 0.9835826285801219,
  "efc": 0.5508403523731787,
  "fber": 424.50250244140625,
  "fd_mean": 0.14710940893673174,
  "fd_num": 52,
  "fd_perc": 10.526315789473685,
  "fwhm_avg": 2.8147966666666666,
  "fwhm_x": 2.64754,
  "fwhm_y": 2.923695,
  "fwhm_z": 2.873155,
  "gcor": 0.0167094,
  "gsr_x": 0.005467151757329702,
  "gsr_y": 0.04635903611779213,
  "provenance": {
    "md5sum": "9eb1e680b5931f5281c7173257f29041",
    "settings": {
      "fd_thres": 0.2,
      "testing": false
    },
    "software": "mriqc",
    "version": "22.0.0rc1",
    "webapi_port": null,
    "webapi_url": "https://mriqc.nimh.nih.gov/api/v1"
  },
  "size_t": 494,
  "size_x": 96,
  "size_y": 96,
  "size_z": 60,
  "snr": 2.296107156579424,
  "spacing_tr": 1.5,
  "spacing_x": 2.0,
  "spacing_y": 2.0,
  "spacing_z": 2.0,
  "summary_bg_k": 47.20446194602112,
  "summary_bg_mad": 5.933412039374376,
  "summary_bg_mean": 39.84036636352539,
  "summary_bg_median": 23.93724822998047,
  "summary_bg_n": 337651.0,
  "summary_bg_p05": 18.751012802124023,
  "summary_bg_p95": 111.57186508178711,
  "summary_bg_stdv": 52.79880905151367,
  "summary_fg_k": 6.562545737398331,
  "summary_fg_mad": 179.5208995817452,
  "summary_fg_mean": 542.344970703125,
  "summary_fg_median": 505.62249755859375,
  "summary_fg_n": 132328.0,
  "summary_fg_p05": 281.4959716796875,
  "summary_fg_p95": 936.4607421874999,
  "summary_fg_stdv": 220.20774841308594,
  "tsnr": 34.158451084047556
}