{
  "aor": 0.0013888104838709677,
  "aqi": 0.01320172618951613,
  "bids_meta": {
    "CogAtlasID": "https://www.cognitiveatlas.org/task/id/trm_4c8991fadfe01",
    "DeviceSerialNumber": "66018",
    "DwellTime": 4.2e-06,
    "EchoTime": 0.039,
    "EffectiveEchoSpacing": 0.000929976,
    "FlipAngle": 50,
    "InstitutionAddress": "Washington Rd, Princeton, NJ 08540, USA",
    "InstitutionName": "Princeton University",
    "InstitutionalDepartmentName": "Princeton Neuroscience Institute",
    "MagneticFieldStrength": 3,
    "Manufacturer": "Siemens",
    "ManufacturersModelName": "Prisma",
    "NumberOfVolumesDiscardedByScanner": 3,
    "ParallelReductionType": "GRAPPA",
    "PartialFourier": 0.75,
    "PhaseEncodingDirection": "j-",
    "PixelBandwidth": 1240,
    "PulseSequenceDetails": "%CustomerSeq%_ep2d_bold_sms_mgh_v22",
    "PulseSequenceType": "Gradient Echo EPI",
    "ReceiveCoilActiveElements": "HC1-7;NC1,2",
    "ReceiveCoilName": "HeadNeck_64",
    "RepetitionTime": 1.5,
    "ScanOptions": "PFP_FS",
    "ScanningSequence": "EP",
    "SequenceName": "epfSM2d1_96",
    "SequenceVariant": "SK",
    "SliceTiming": [
      0.6925,
      0,
      0.79,
      0.1,
      0.8875,
      0.1975,
      0.9875,
      0.2975,
      1.085,
      0.395,
      1.185,
      0.495,
      1.2825,
      0.5925,
      1.3825,
      0.6925,
      0,
      0.79,
      0.1,
      0.8875,
      0.1975,
      0.9875,
      0.2975,
      1.085,
      0.395,
      1.185,
      0.495,
      1.2825,
      0.5925,
      1.3825,
      0.6925,
      0,
      0.79,
      0.1,
      0.8875,
      0.1975,
      0.9875,
      0.2975,
      1.085,
      0.395,
      1.185,
      0.495,
      1.2825,
      0.5925,
      1.3825,
      0.6925,
      0,
      0.79,
      0.1,
      0.8875,
      0.1975,
      0.9875,
      0.2975,
      1.085,
      0.395,
      1.185,
      0.495,
      1.2825,
      0.5925,
      1.3825
    ],
    "SoftwareVersions": "syngo_MR_D13D",
    "StationName": "AWP66018",
    "TaskDescription": "Passively listened to audio story 'schema'",
    "TaskName": "schema",
    "TotalReadoutTime": 0.0883478,
    "dataset": "ds002345",
    "modality": "bold",
    "run_id": 4,
    "subject_id": "205",
    "task_id": "schema"
  },
  "dummy_trs": 0,
  "dvars_nstd": 46.37287476280811,
  "dvars_std": 1.0663961243030295,
  "dvars_vstd": 0.9748829371919201,
  "efc": 0.5918129190143318,
  "fber": 271.8031921386719,
  "fd_mean": 0.28476724758401295,
  "fd_num": 296,
  "fd_perc": 59.67741935483871,
  "fwhm_avg": 2.79966,
  "fwhm_x": 2.61791,
  "fwhm_y": 3.01685,
  "fwhm_z": 2.76422,
  "gcor": 0.0148121,
  "gsr_x": 0.006659924518316984,
  "gsr_y": 0.04602627828717232,
  "provenance": {
    "md5sum": "293c51eeb249ff49723c9e43e69f246d",
    "settings": {
      "fd_thres": 0.2,
      "testing": false
    },
    "software": "mriqc",
    "version": "22.0.0rc1",
    "webapi_port": null,
    "webapi_url": "https://mriqc.nimh.nih.gov/api/v1"
  },
  "size_t": 496,
  "size_x": 96,
  "size_y": 96,
  "size_z": 60,
  "snr": 2.52980093906132,
  "spacing_tr": 1.5,
  "spacing_x": 2.0,
  "spacing_y": 2.0,
  "spacing_z": 2.0,
  "summary_bg_k": 38.929320895801894,
  "summary_bg_mad": 8.330670400627822,
  "summary_bg_mean": 41.620880126953125,
  "summary_bg_median": 26.32661247253418,
  "summary_bg_n": 322542.0,
  "summary_bg_p05": 19.362903594970703,
  "summary_bg_p95": 112.89092674255376,
  "summary_bg_stdv": 41.46047592163086,
  "summary_fg_k": 3.285876511855834,
  "summary_fg_mad": 155.80471615985388,
  "summary_fg_mean": 471.5176696777344,
  "summary_fg_median": 443.7459411621094,
  "summary_fg_n": 144099.0,
  "summary_fg_p05": 245.483251953125,
  "summary_fg_p95": 783.7434997558595,
  "summary_fg_stdv": 175.40684509277344,
  "tsnr": 29.117754504899494
}