{
  "aor": 0.0062216700610997966,
  "aqi": 0.02041056446028513,
  "bids_meta": {
    "CogAtlasID": "https://www.cognitiveatlas.org/task/id/trm_4c8991fadfe01",
    "DeviceSerialNumber": "66018",
    "DwellTime": 4.2e-06,
    "EchoTime": 0.039,
    "EffectiveEchoSpacing": 0.000929976,
    "FlipAngle": 50,
    "InstitutionAddress": "Washington Rd, Princeton, NJ 08540, USA",
    "InstitutionName": "Princeton University",
    "InstitutionalDepartmentName": "Princeton Neuroscience Institute",
    "MagneticFieldStrength": 3,
    "Manufacturer": "Siemens",
    "ManufacturersModelName": "Prisma",
    "NumberOfVolumesDiscardedByScanner": 3,
    "ParallelReductionType": "GRAPPA",
    "PartialFourier": 0.75,
    "PhaseEncodingDirection": "j-",
    "PixelBandwidth": 1240,
    "PulseSequenceDetails": "%CustomerSeq%_ep2d_bold_sms_mgh_v22",
    "PulseSequenceType": "Gradient Echo EPI",
    "ReceiveCoilActiveElements": "HC1-7;NC1,2",
    "ReceiveCoilName": "HeadNeck_64",
    "RepetitionTime": 1.5,
    "ScanOptions": "PFP_FS",
    "ScanningSequence": "EP",
    "SequenceName": "epfSM2d1_96",
    "SequenceVariant": "SK",
    "SliceTiming": [
      0.6925,
      0,
      0.79,
      0.1,
      0.8875,
      0.1975,
      0.9875,
      0.2975,
      1.085,
      0.395,
      1.185,
      0.495,
      1.2825,
      0.5925,
      1.3825,
      0.6925,
      0,
      0.79,
      0.1,
      0.8875,
      0.1975,
      0.9875,
      0.2975,
      1.085,
      0.395,
      1.185,
      0.495,
      1.2825,
      0.5925,
      1.3825,
      0.6925,
      0,
      0.79,
      0.1,
      0.8875,
      0.1975,
      0.9875,
      0.2975,
      1.085,
      0.395,
      1.185,
      0.495,
      1.2825,
      0.5925,
      1.3825,
      0.6925,
      0,
      0.79,
      0.1,
      0.8875,
      0.1975,
      0.9875,
      0.2975,
      1.085,
      0.395,
      1.185,
      0.495,
      1.2825,
      0.5925,
      1.3825
    ],
    "SoftwareVersions": "syngo_MR_D13D",
    "StationName": "AWP66018",
    "TaskDescription": "Passively listened to audio story 'schema'",
    "TaskName": "schema",
    "TotalReadoutTime": 0.0883478,
    "dataset": "ds002345",
    "modality": "bold",
    "run_id": 2,
    "subject_id": "205",
    "task_id": "schema"
  },
  "dummy_trs": 0,
  "dvars_nstd": 67.94859884614283,
  "dvars_std": 1.109425892061225,
  "dvars_vstd": 0.9826374544081625,
  "efc": 0.5906690400767868,
  "fber": 263.83758544921875,
  "fd_mean": 0.5433863477425421,
  "fd_num": 350,
  "fd_perc": 71.28309572301426,
  "fwhm_avg": 2.8343000000000003,
  "fwhm_x": 2.628275,
  "fwhm_y": 3.05356,
  "fwhm_z": 2.821065,
  "gcor": 0.0479401,
  "gsr_x": 0.009567657485604286,
  "gsr_y": 0.04638218507170677,
  "provenance": {
    "md5sum": "af075909d24b14be640274b0173ffb52",
    "settings": {
      "fd_thres": 0.2,
      "testing": false
    },
    "software": "mriqc",
    "version": "22.0.0rc1",
    "webapi_port": null,
    "webapi_url": "https://mriqc.nimh.nih.gov/api/v1"
  },
  "size_t": 491,
  "size_x": 96,
  "size_y": 96,
  "size_z": 60,
  "snr": 2.5532175898233027,
  "spacing_tr": 1.5,
  "spacing_x": 2.0,
  "spacing_y": 2.0,
  "spacing_z": 2.0,
  "summary_bg_k": 38.39938217873509,
  "summary_bg_mad": 9.061689486133204,
  "summary_bg_mean": 41.01140213012695,
  "summary_bg_median": 26.584522247314453,
  "summary_bg_n": 322478.0,
  "summary_bg_p05": 18.83299446105957,
  "summary_bg_p95": 109.67475204467759,
  "summary_bg_stdv": 39.99281692504883,
  "summary_fg_k": 3.2610915878610687,
  "summary_fg_mad": 154.68887338907794,
  "summary_fg_mean": 469.01409912109375,
  "summary_fg_median": 440.65582275390625,
  "summary_fg_n": 143028.0,
  "summary_fg_p05": 247.5215965270996,
  "summary_fg_p95": 777.2052398681639,
  "summary_fg_stdv": 172.58782958984375,
  "tsnr": 21.18791504530236
}