{
  "aor": 0.0036242914171656683,
  "aqi": 0.028138582834331335,
  "bids_meta": {
    "CogAtlasID": "https://www.cognitiveatlas.org/task/id/trm_4c8991fadfe01",
    "DeviceSerialNumber": "66018",
    "DwellTime": 4.2e-06,
    "EchoTime": 0.039,
    "EffectiveEchoSpacing": 0.000929976,
    "FlipAngle": 50,
    "InstitutionAddress": "Washington Rd, Princeton, NJ 08540, USA",
    "InstitutionName": "Princeton University",
    "InstitutionalDepartmentName": "Princeton Neuroscience Institute",
    "MagneticFieldStrength": 3,
    "Manufacturer": "Siemens",
    "ManufacturersModelName": "Prisma",
    "NumberOfVolumesDiscardedByScanner": 3,
    "ParallelReductionType": "GRAPPA",
    "PartialFourier": 0.75,
    "PhaseEncodingDirection": "j-",
    "PixelBandwidth": 1240,
    "PulseSequenceDetails": "%CustomerSeq%_ep2d_bold_sms_mgh_v22",
    "PulseSequenceType": "Gradient Echo EPI",
    "ReceiveCoilActiveElements": "HC1-7;NC1,2",
    "ReceiveCoilName": "HeadNeck_64",
    "RepetitionTime": 1.5,
    "ScanOptions": "PFP_FS",
    "ScanningSequence": "EP",
    "SequenceName": "epfSM2d1_96",
    "SequenceVariant": "SK",
    "SliceTiming": [
      0.6925,
      0,
      0.79,
      0.1,
      0.8875,
      0.1975,
      0.9875,
      0.2975,
      1.085,
      0.395,
      1.185,
      0.495,
      1.2825,
      0.5925,
      1.3825,
      0.6925,
      0,
      0.79,
      0.1,
      0.8875,
      0.1975,
      0.9875,
      0.2975,
      1.085,
      0.395,
      1.185,
      0.495,
      1.2825,
      0.5925,
      1.3825,
      0.6925,
      0,
      0.79,
      0.1,
      0.8875,
      0.1975,
      0.9875,
      0.2975,
      1.085,
      0.395,
      1.185,
      0.495,
      1.2825,
      0.5925,
      1.3825,
      0.6925,
      0,
      0.79,
      0.1,
      0.8875,
      0.1975,
      0.9875,
      0.2975,
      1.085,
      0.395,
      1.185,
      0.495,
      1.2825,
      0.5925,
      1.3825
    ],
    "SoftwareVersions": "syngo_MR_D13D",
    "StationName": "AWP66018",
    "TaskDescription": "Passively listened to audio story 'schema'",
    "TaskName": "schema",
    "TotalReadoutTime": 0.0883478,
    "dataset": "ds002345",
    "modality": "bold",
    "run_id": 1,
    "subject_id": "205",
    "task_id": "schema"
  },
  "dummy_trs": 0,
  "dvars_nstd": 64.10131777205999,
  "dvars_std": 1.0296287421999994,
  "dvars_vstd": 0.93498508136,
  "efc": 0.58788847323377,
  "fber": 253.1494140625,
  "fd_mean": 0.6444989987332395,
  "fd_num": 384,
  "fd_perc": 76.64670658682634,
  "fwhm_avg": 2.9370200000000004,
  "fwhm_x": 2.74955,
  "fwhm_y": 3.14538,
  "fwhm_z": 2.91613,
  "gcor": 0.0347501,
  "gsr_x": 0.009160595014691353,
  "gsr_y": 0.04841523990035057,
  "provenance": {
    "md5sum": "4e709fc4d5629b368ca9aecddd6b141b",
    "settings": {
      "fd_thres": 0.2,
      "testing": false
    },
    "software": "mriqc",
    "version": "22.0.0rc1",
    "webapi_port": null,
    "webapi_url": "https://mriqc.nimh.nih.gov/api/v1"
  },
  "size_t": 501,
  "size_x": 96,
  "size_y": 96,
  "size_z": 60,
  "snr": 2.4970541504492507,
  "spacing_tr": 1.5,
  "spacing_x": 2.0,
  "spacing_y": 2.0,
  "spacing_z": 2.0,
  "summary_bg_k": 28.98319779550185,
  "summary_bg_mad": 11.189058863213496,
  "summary_bg_mean": 41.9183464050293,
  "summary_bg_median": 27.83832359313965,
  "summary_bg_n": 323543.0,
  "summary_bg_p05": 12.904191970825195,
  "summary_bg_p95": 113.878042602539,
  "summary_bg_stdv": 41.456886291503906,
  "summary_fg_k": 3.4454508747529964,
  "summary_fg_mad": 159.89906552377624,
  "summary_fg_mean": 478.66656494140625,
  "summary_fg_median": 448.9161682128906,
  "summary_fg_n": 143186.0,
  "summary_fg_p05": 248.5638771057129,
  "summary_fg_p95": 799.3562927246094,
  "summary_fg_stdv": 179.77767944335938,
  "tsnr": 17.80513501772657
}