{
  "aor": 0.0024422425409047163,
  "aqi": 0.03836557430221366,
  "bids_meta": {
    "CogAtlasID": "https://www.cognitiveatlas.org/task/id/trm_4c8991fadfe01",
    "DeviceSerialNumber": "45031",
    "DwellTime": 5.4e-06,
    "EchoTime": 0.028,
    "EffectiveEchoSpacing": 0.000390001,
    "FlipAngle": 64,
    "InstitutionAddress": "Washington Rd, Princeton, NJ 08540, USA",
    "InstitutionName": "Princeton University",
    "InstitutionalDepartmentName": "Princeton Neuroscience Institute",
    "MagneticFieldStrength": 3,
    "Manufacturer": "Siemens",
    "ManufacturersModelName": "Skyra",
    "NumberOfVolumesDiscardedByScanner": 3,
    "ParallelReductionFactorInPlane": 2,
    "ParallelReductionType": "GRAPPA",
    "PartialFourier": 1,
    "PhaseEncodingDirection": "j-",
    "PixelBandwidth": 1445,
    "PulseSequenceDetails": "%SiemensSeq%_ep2d_bold",
    "PulseSequenceType": "Gradient Echo EPI",
    "ReceiveCoilActiveElements": "HE1-4",
    "ReceiveCoilName": "HeadNeck_20",
    "RepetitionTime": 1.5,
    "ScanOptions": "FS",
    "ScanningSequence": "EP",
    "SequenceName": "_epfid2d1_64",
    "SequenceVariant": "SK",
    "SliceTiming": [
      0,
      0.7775,
      0.055,
      0.8325,
      0.1125,
      0.89,
      0.1675,
      0.945,
      0.2225,
      1,
      0.2775,
      1.055,
      0.3325,
      1.11,
      0.39,
      1.1675,
      0.445,
      1.2225,
      0.5,
      1.2775,
      0.555,
      1.3325,
      0.6125,
      1.39,
      0.6675,
      1.445,
      0.7225
    ],
    "SoftwareVersions": "syngo_MR_D11",
    "StationName": "AWP45031",
    "TaskDescription": "Passively listened to audio story 'tunnel'",
    "TaskName": "tunnel",
    "TotalReadoutTime": 0.0245701,
    "dataset": "ds002345",
    "modality": "bold",
    "subject_id": "057",
    "task_id": "tunnel"
  },
  "dummy_trs": 1,
  "dvars_nstd": 22.761620093352604,
  "dvars_std": 1.0542507675915238,
  "dvars_vstd": 0.929547368439306,
  "efc": 0.5387915512539251,
  "fber": 1945.6170654296875,
  "fd_mean": 0.2416487317683839,
  "fd_num": 405,
  "fd_perc": 38.97978825794033,
  "fwhm_avg": 1.6726410705841719,
  "fwhm_x": 1.6500233333333334,
  "fwhm_y": 1.8752466666666667,
  "fwhm_z": 1.4926532117525155,
  "gcor": 0.0377852,
  "gsr_x": -0.0022243906278163195,
  "gsr_y": 0.033270008862018585,
  "provenance": {
    "md5sum": "ab4cb03365dda9ba937e14d01d7a6b83",
    "settings": {
      "fd_thres": 0.2,
      "testing": false
    },
    "software": "mriqc",
    "version": "21.0.0rc2",
    "webapi_port": null,
    "webapi_url": "https://mriqc.nimh.nih.gov/api/v1"
  },
  "size_t": 1039,
  "size_x": 64,
  "size_y": 64,
  "size_z": 27,
  "snr": 7.536977675840741,
  "spacing_tr": 1.5,
  "spacing_x": 3.0,
  "spacing_y": 3.0,
  "spacing_z": 3.999998092651367,
  "summary_bg_k": 28.269666613611918,
  "summary_bg_mad": 11.591837914211263,
  "summary_bg_mean": 39.77910614013672,
  "summary_bg_median": 16.180461883544922,
  "summary_bg_n": 62088.0,
  "summary_bg_p05": 6.805582046508789,
  "summary_bg_p95": 139.99427261352463,
  "summary_bg_stdv": 76.7425537109375,
  "summary_fg_k": 3.0789361853428074,
  "summary_fg_mad": 89.52260588181103,
  "summary_fg_mean": 730.49658203125,
  "summary_fg_median": 725.0192260742188,
  "summary_fg_n": 21291.0,
  "summary_fg_p05": 596.5433044433594,
  "summary_fg_p95": 887.1891479492188,
  "summary_fg_stdv": 96.19269561767578,
  "tsnr": 33.662392852129415
}