{
  "aor": 0.0029565909090909087,
  "aqi": 0.0066402060714285715,
  "bids_meta": {
    "CogAtlasID": "https://www.cognitiveatlas.org/task/id/trm_4c8991fadfe01",
    "DeviceSerialNumber": "66018",
    "DwellTime": 4.2e-06,
    "EchoTime": 0.039,
    "EffectiveEchoSpacing": 0.000929976,
    "FlipAngle": 50,
    "InstitutionAddress": "Washington Rd, Princeton, NJ 08540, USA",
    "InstitutionName": "Princeton University",
    "InstitutionalDepartmentName": "Princeton Neuroscience Institute",
    "MagneticFieldStrength": 3,
    "Manufacturer": "Siemens",
    "ManufacturersModelName": "Prisma",
    "NumberOfVolumesDiscardedByScanner": 3,
    "ParallelReductionType": "GRAPPA",
    "PartialFourier": 0.75,
    "PhaseEncodingDirection": "j-",
    "PixelBandwidth": 1240,
    "PulseSequenceDetails": "%CustomerSeq%_ep2d_bold_sms_mgh_v22",
    "PulseSequenceType": "Gradient Echo EPI",
    "ReceiveCoilActiveElements": "HC1-7;NC1,2",
    "ReceiveCoilName": "HeadNeck_64",
    "RepetitionTime": 1.5,
    "ScanOptions": "PFP_FS",
    "ScanningSequence": "EP",
    "SequenceName": "epfSM2d1_96",
    "SequenceVariant": "SK",
    "SliceTiming": [
      0.6925,
      0,
      0.79,
      0.1,
      0.8875,
      0.1975,
      0.9875,
      0.2975,
      1.085,
      0.395,
      1.185,
      0.495,
      1.2825,
      0.5925,
      1.3825,
      0.6925,
      0,
      0.79,
      0.1,
      0.8875,
      0.1975,
      0.9875,
      0.2975,
      1.085,
      0.395,
      1.185,
      0.495,
      1.2825,
      0.5925,
      1.3825,
      0.6925,
      0,
      0.79,
      0.1,
      0.8875,
      0.1975,
      0.9875,
      0.2975,
      1.085,
      0.395,
      1.185,
      0.495,
      1.2825,
      0.5925,
      1.3825,
      0.6925,
      0,
      0.79,
      0.1,
      0.8875,
      0.1975,
      0.9875,
      0.2975,
      1.085,
      0.395,
      1.185,
      0.495,
      1.2825,
      0.5925,
      1.3825
    ],
    "SoftwareVersions": "syngo_MR_D13D",
    "StationName": "AWP66018",
    "TaskDescription": "Passively listened to audio story 'shapesphysical'",
    "TaskName": "shapesphysical",
    "TotalReadoutTime": 0.0883478,
    "dataset": "ds002345",
    "modality": "bold",
    "subject_id": "216",
    "task_id": "shapesphysical"
  },
  "dummy_trs": 1,
  "dvars_nstd": 33.22365812423453,
  "dvars_std": 1.0504110143648213,
  "dvars_vstd": 0.9918966598371339,
  "efc": 0.5947447946970577,
  "fber": 266.84149169921875,
  "fd_mean": 0.0895180845601277,
  "fd_num": 14,
  "fd_perc": 4.545454545454546,
  "fwhm_avg": 2.821146666666667,
  "fwhm_x": 2.521085,
  "fwhm_y": 3.03147,
  "fwhm_z": 2.910885,
  "gcor": 0.00398381,
  "gsr_x": 0.013450880534946918,
  "gsr_y": 0.049827881157398224,
  "provenance": {
    "md5sum": "2191fee107770d4eea4b2820f16183bc",
    "settings": {
      "fd_thres": 0.2,
      "testing": false
    },
    "software": "mriqc",
    "version": "22.0.0rc1",
    "webapi_port": null,
    "webapi_url": "https://mriqc.nimh.nih.gov/api/v1"
  },
  "size_t": 308,
  "size_x": 96,
  "size_y": 96,
  "size_z": 60,
  "snr": 2.233968209353534,
  "spacing_tr": 1.5,
  "spacing_x": 2.0,
  "spacing_y": 2.0,
  "spacing_z": 2.0,
  "summary_bg_k": 52.73689176302996,
  "summary_bg_mad": 8.029157689400934,
  "summary_bg_mean": 47.17122268676758,
  "summary_bg_median": 27.220779418945312,
  "summary_bg_n": 313972.0,
  "summary_bg_p05": 19.993507385253906,
  "summary_bg_p95": 144.7230476379397,
  "summary_bg_stdv": 62.49516296386719,
  "summary_fg_k": 2.5969066963863714,
  "summary_fg_mad": 177.45976668492776,
  "summary_fg_mean": 496.35321044921875,
  "summary_fg_median": 459.1038818359375,
  "summary_fg_n": 149981.0,
  "summary_fg_p05": 247.85714721679688,
  "summary_fg_p95": 886.2987060546875,
  "summary_fg_stdv": 205.50979614257812,
  "tsnr": 39.88745135942008
}