{
  "aor": 0.002219155844155844,
  "aqi": 0.005567407792207792,
  "bids_meta": {
    "CogAtlasID": "https://www.cognitiveatlas.org/task/id/trm_4c8991fadfe01",
    "DeviceSerialNumber": "66018",
    "DwellTime": 4.2e-06,
    "EchoTime": 0.039,
    "EffectiveEchoSpacing": 0.000929976,
    "FlipAngle": 50,
    "InstitutionAddress": "Washington Rd, Princeton, NJ 08540, USA",
    "InstitutionName": "Princeton University",
    "InstitutionalDepartmentName": "Princeton Neuroscience Institute",
    "MagneticFieldStrength": 3,
    "Manufacturer": "Siemens",
    "ManufacturersModelName": "Prisma",
    "NumberOfVolumesDiscardedByScanner": 3,
    "ParallelReductionType": "GRAPPA",
    "PartialFourier": 0.75,
    "PhaseEncodingDirection": "j-",
    "PixelBandwidth": 1240,
    "PulseSequenceDetails": "%CustomerSeq%_ep2d_bold_sms_mgh_v22",
    "PulseSequenceType": "Gradient Echo EPI",
    "ReceiveCoilActiveElements": "HC1-7;NC1,2",
    "ReceiveCoilName": "HeadNeck_64",
    "RepetitionTime": 1.5,
    "ScanOptions": "PFP_FS",
    "ScanningSequence": "EP",
    "SequenceName": "epfSM2d1_96",
    "SequenceVariant": "SK",
    "SliceTiming": [
      0.6925,
      0,
      0.79,
      0.1,
      0.8875,
      0.1975,
      0.9875,
      0.2975,
      1.085,
      0.395,
      1.185,
      0.495,
      1.2825,
      0.5925,
      1.3825,
      0.6925,
      0,
      0.79,
      0.1,
      0.8875,
      0.1975,
      0.9875,
      0.2975,
      1.085,
      0.395,
      1.185,
      0.495,
      1.2825,
      0.5925,
      1.3825,
      0.6925,
      0,
      0.79,
      0.1,
      0.8875,
      0.1975,
      0.9875,
      0.2975,
      1.085,
      0.395,
      1.185,
      0.495,
      1.2825,
      0.5925,
      1.3825,
      0.6925,
      0,
      0.79,
      0.1,
      0.8875,
      0.1975,
      0.9875,
      0.2975,
      1.085,
      0.395,
      1.185,
      0.495,
      1.2825,
      0.5925,
      1.3825
    ],
    "SoftwareVersions": "syngo_MR_D13D",
    "StationName": "AWP66018",
    "TaskDescription": "Passively listened to audio story 'shapessocial'",
    "TaskName": "shapessocial",
    "TotalReadoutTime": 0.0883478,
    "dataset": "ds002345",
    "modality": "bold",
    "subject_id": "216",
    "task_id": "shapessocial"
  },
  "dummy_trs": 1,
  "dvars_nstd": 32.974757347068426,
  "dvars_std": 1.0856221211074921,
  "dvars_vstd": 1.0180008616612368,
  "efc": 0.5953538040866844,
  "fber": 263.8628845214844,
  "fd_mean": 0.0886035113270158,
  "fd_num": 10,
  "fd_perc": 3.2467532467532467,
  "fwhm_avg": 2.8104266666666664,
  "fwhm_x": 2.499455,
  "fwhm_y": 3.015615,
  "fwhm_z": 2.91621,
  "gcor": 0.00490636,
  "gsr_x": 0.012049739249050617,
  "gsr_y": 0.050806522369384766,
  "provenance": {
    "md5sum": "7e81dc4e3fa3d85333baeaa4e255cd05",
    "settings": {
      "fd_thres": 0.2,
      "testing": false
    },
    "software": "mriqc",
    "version": "22.0.0rc1",
    "webapi_port": null,
    "webapi_url": "https://mriqc.nimh.nih.gov/api/v1"
  },
  "size_t": 308,
  "size_x": 96,
  "size_y": 96,
  "size_z": 60,
  "snr": 2.218988953267756,
  "spacing_tr": 1.5,
  "spacing_x": 2.0,
  "spacing_y": 2.0,
  "spacing_z": 2.0,
  "summary_bg_k": 55.10318155023474,
  "summary_bg_mad": 8.284279696673918,
  "summary_bg_mean": 47.6047248840332,
  "summary_bg_median": 27.350648880004883,
  "summary_bg_n": 313206.0,
  "summary_bg_p05": 20.058441162109375,
  "summary_bg_p95": 146.29383087158203,
  "summary_bg_stdv": 63.3864631652832,
  "summary_fg_k": 2.591403579548958,
  "summary_fg_mad": 178.15297190312003,
  "summary_fg_mean": 496.601318359375,
  "summary_fg_median": 459.3684997558594,
  "summary_fg_n": 150776.0,
  "summary_fg_p05": 246.2913932800293,
  "summary_fg_p95": 888.9821624755859,
  "summary_fg_stdv": 207.01634216308594,
  "tsnr": 42.51381473732181
}