{
  "bids_meta": {
    "DeviceSerialNumber": "66018",
    "DwellTime": 9.8e-06,
    "EchoTime": 0.00267,
    "FlipAngle": 7,
    "InstitutionAddress": "Washington Rd, Building 25, Princeton, NJ 08540, USA",
    "InstitutionName": "Princeton University",
    "InstitutionalDepartmentName": "Princeton Neuroscience Institute",
    "InversionTime": 1.2,
    "MagneticFieldStrength": 3,
    "Manufacturer": "Siemens",
    "ManufacturersModelName": "Prisma",
    "ParallelReductionFactorInPlane": 2,
    "ParellelReductionType": "TODO",
    "PartialFourier": 1,
    "PixelBandwidth": 200,
    "PulseSequenceDetails": "%SiemensSeq%_tfl",
    "PulseSequenceType": "MPRAGE",
    "ReceiveCoilActiveElements": "HC1-7;NC1",
    "ReceiveCoilName": "HeadNeck_64",
    "RepetitionTime": 2.53,
    "ScanOptions": "IR",
    "ScanningSequence": "GR_IR",
    "SequenceName": "_tfl3d1_16",
    "SequenceVariant": "SK_SP_MP",
    "SoftwareVersions": "syngo_MR_D13D",
    "StationName": "AWP66018",
    "dataset": "ds002345",
    "modality": "T1w",
    "subject_id": "205"
  },
  "cjv": 0.4862425955485361,
  "cnr": 2.392830900847981,
  "efc": 0.5547754887827456,
  "fber": 1913.9299265381082,
  "fwhm_avg": 4.07885,
  "fwhm_x": 3.94634,
  "fwhm_y": 4.0434,
  "fwhm_z": 4.24681,
  "icvs_csf": 0.17416279854104438,
  "icvs_gm": 0.40795234910299116,
  "icvs_wm": 0.41788485235596445,
  "inu_med": 0.8810497522354126,
  "inu_range": 0.5512994050979614,
  "provenance": {
    "md5sum": "8042de391d49936459bd7ca481d62d6c",
    "settings": {
      "testing": false
    },
    "software": "mriqc",
    "version": "22.0.6",
    "warnings": {
      "large_rot_frame": true,
      "small_air_mask": false
    },
    "webapi_port": null,
    "webapi_url": "https://mriqc.nimh.nih.gov/api/v1"
  },
  "qi_1": 7.226534784596707e-06,
  "qi_2": 0.0009425622592091557,
  "rpve_csf": 30.165699747153838,
  "rpve_gm": 12.88981864150207,
  "rpve_wm": 14.550491365765087,
  "size_x": 176,
  "size_y": 256,
  "size_z": 256,
  "snr_csf": 2.2010180488673474,
  "snr_gm": 9.762790514112293,
  "snr_total": 7.683695737311621,
  "snr_wm": 11.087278648955222,
  "snrd_csf": 12.212033380111773,
  "snrd_gm": 30.20871415080281,
  "snrd_total": 28.887250286548664,
  "snrd_wm": 44.24100332873141,
  "spacing_x": 1.0,
  "spacing_y": 1.0,
  "spacing_z": 1.0,
  "summary_bg_k": 6.3729119746846425,
  "summary_bg_mad": 14.80835331479933,
  "summary_bg_mean": 40.78336333933664,
  "summary_bg_median": 9.988082528114319,
  "summary_bg_n": 4313972.0,
  "summary_bg_p05": 0.0,
  "summary_bg_p95": 193.4623485133052,
  "summary_bg_stdv": 67.41003153209545,
  "summary_csf_k": 2.3734688951304186,
  "summary_csf_mad": 123.68340552701713,
  "summary_csf_mean": 285.59967829751645,
  "summary_csf_median": 276.03428077697754,
  "summary_csf_n": 23319.0,
  "summary_csf_p05": 97.0376267887652,
  "summary_csf_p95": 502.08274853825554,
  "summary_csf_stdv": 125.40940416164241,
  "summary_gm_k": 0.20481427082489567,
  "summary_gm_mad": 68.15208059651964,
  "summary_gm_mean": 683.8293630542881,
  "summary_gm_median": 682.8216419219971,
  "summary_gm_n": 19741.0,
  "summary_gm_p05": 570.7394658252597,
  "summary_gm_p95": 799.8978592827916,
  "summary_gm_stdv": 69.93946517761303,
  "summary_wm_k": 0.5962163151320858,
  "summary_wm_mad": 86.07355364227111,
  "summary_wm_mean": 1011.1864710833579,
  "summary_wm_median": 1000.0000126585364,
  "summary_wm_n": 193530.0,
  "summary_wm_p05": 883.9453037381172,
  "summary_wm_p95": 1176.2669690921903,
  "summary_wm_stdv": 90.19322601499016,
  "tpm_overlap_csf": 0.13938727367957823,
  "tpm_overlap_gm": 0.428879284283766,
  "tpm_overlap_wm": 0.4811117514667664,
  "wm2max": 0.3238866694424533
}