{
  "aor": 0.0011073232547799022,
  "aqi": 0.035700246376167186,
  "bids_meta": {
    "CogAtlasID": "https://www.cognitiveatlas.org/task/id/trm_4c8991fadfe01",
    "DeviceSerialNumber": "45031",
    "DwellTime": 4.9e-06,
    "EchoTime": 0.028,
    "EffectiveEchoSpacing": 0.000355001,
    "FlipAngle": 64,
    "InstitutionAddress": "Washington Rd, Princeton, NJ 08540, USA",
    "InstitutionName": "Princeton University",
    "InstitutionalDepartmentName": "Princeton Neuroscience Institute",
    "MagneticFieldStrength": 3,
    "Manufacturer": "Siemens",
    "ManufacturersModelName": "Skyra",
    "NumberOfVolumesDiscardedByScanner": 3,
    "ParallelReductionFactorInPlane": 2,
    "ParallelReductionType": "GRAPPA",
    "PartialFourier": 1,
    "PhaseEncodingDirection": "j-",
    "PixelBandwidth": 1595,
    "PulseSequenceDetails": "%SiemensSeq%_ep2d_bold",
    "PulseSequenceType": "Gradient Echo EPI",
    "ReceiveCoilActiveElements": "HE1-4",
    "ReceiveCoilName": "HeadNeck_20",
    "RepetitionTime": 1.5,
    "ScanOptions": "FS",
    "ScanningSequence": "EP",
    "SequenceName": "_epfid2d1_64",
    "SequenceVariant": "SK",
    "SliceTiming": [
      0,
      0.7675,
      0.055,
      0.8225,
      0.11,
      0.8775,
      0.165,
      0.9325,
      0.22,
      0.9875,
      0.275,
      1.0425,
      0.33,
      1.0975,
      0.385,
      1.1525,
      0.44,
      1.2075,
      0.495,
      1.2625,
      0.55,
      1.315,
      0.6025,
      1.37,
      0.6575,
      1.425,
      0.7125
    ],
    "SoftwareVersions": "syngo_MR_E11",
    "StationName": "AWP45031",
    "TaskDescription": "Passively listened to audio story '21styear'",
    "TaskName": "21styear",
    "TotalReadoutTime": 0.022365,
    "dataset": "ds002345",
    "modality": "bold",
    "subject_id": "255",
    "task_id": "21styear"
  },
  "dummy_trs": 0,
  "dvars_nstd": 23.037565594479535,
  "dvars_std": 1.138077874185943,
  "dvars_vstd": 0.9434365276823832,
  "efc": 0.6006487495636907,
  "fber": 1877.494873046875,
  "fd_mean": 0.13595772151821975,
  "fd_num": 268,
  "fd_perc": 11.916407292129836,
  "fwhm_avg": 1.6895339177171735,
  "fwhm_x": 1.68987,
  "fwhm_y": 1.9277566666666666,
  "fwhm_z": 1.4509750864848545,
  "gcor": 0.00332598,
  "gsr_x": 0.001316065900027752,
  "gsr_y": 0.0402982160449028,
  "provenance": {
    "md5sum": "4d569a22032ff402fbc2bd99648e2c7b",
    "settings": {
      "fd_thres": 0.2,
      "testing": false
    },
    "software": "mriqc",
    "version": "22.0.0rc1",
    "webapi_port": null,
    "webapi_url": "https://mriqc.nimh.nih.gov/api/v1"
  },
  "size_t": 2249,
  "size_x": 64,
  "size_y": 64,
  "size_z": 27,
  "snr": 7.388160120800672,
  "spacing_tr": 1.5,
  "spacing_x": 3.0,
  "spacing_y": 3.0,
  "spacing_z": 3.999999761581421,
  "summary_bg_k": 21.973911979184546,
  "summary_bg_mad": 13.175977945061934,
  "summary_bg_mean": 42.02287673950195,
  "summary_bg_median": 17.352602005004883,
  "summary_bg_n": 52421.0,
  "summary_bg_p05": 6.319697856903076,
  "summary_bg_p95": 161.93418884277344,
  "summary_bg_stdv": 71.07328033447266,
  "summary_fg_k": 3.4932105037654892,
  "summary_fg_mad": 87.29657601888815,
  "summary_fg_mean": 758.887451171875,
  "summary_fg_median": 749.5413818359375,
  "summary_fg_n": 28680.0,
  "summary_fg_p05": 624.6889465332031,
  "summary_fg_p95": 929.6382263183593,
  "summary_fg_stdv": 101.4499282836914,
  "tsnr": 37.380687206983566
}