{
  "aor": 0.002543398058252427,
  "aqi": 0.008711866860841425,
  "bids_meta": {
    "CogAtlasID": "https://www.cognitiveatlas.org/task/id/trm_4c8991fadfe01",
    "DeviceSerialNumber": "66018",
    "DwellTime": 4.2e-06,
    "EchoTime": 0.039,
    "EffectiveEchoSpacing": 0.000929976,
    "FlipAngle": 50,
    "InstitutionAddress": "Washington Rd, Princeton, NJ 08540, USA",
    "InstitutionName": "Princeton University",
    "InstitutionalDepartmentName": "Princeton Neuroscience Institute",
    "MagneticFieldStrength": 3,
    "Manufacturer": "Siemens",
    "ManufacturersModelName": "Prisma",
    "NumberOfVolumesDiscardedByScanner": 3,
    "ParallelReductionType": "GRAPPA",
    "PartialFourier": 0.75,
    "PhaseEncodingDirection": "j-",
    "PixelBandwidth": 1240,
    "PulseSequenceDetails": "%CustomerSeq%_ep2d_bold_sms_mgh_v22",
    "PulseSequenceType": "Gradient Echo EPI",
    "ReceiveCoilActiveElements": "HC1-7;NC1,2",
    "ReceiveCoilName": "HeadNeck_64",
    "RepetitionTime": 1.5,
    "ScanOptions": "PFP_FS",
    "ScanningSequence": "EP",
    "SequenceName": "epfSM2d1_96",
    "SequenceVariant": "SK",
    "SliceTiming": [
      0.6925,
      0,
      0.79,
      0.1,
      0.8875,
      0.1975,
      0.9875,
      0.2975,
      1.085,
      0.395,
      1.185,
      0.495,
      1.2825,
      0.5925,
      1.3825,
      0.6925,
      0,
      0.79,
      0.1,
      0.8875,
      0.1975,
      0.9875,
      0.2975,
      1.085,
      0.395,
      1.185,
      0.495,
      1.2825,
      0.5925,
      1.3825,
      0.6925,
      0,
      0.79,
      0.1,
      0.8875,
      0.1975,
      0.9875,
      0.2975,
      1.085,
      0.395,
      1.185,
      0.495,
      1.2825,
      0.5925,
      1.3825,
      0.6925,
      0,
      0.79,
      0.1,
      0.8875,
      0.1975,
      0.9875,
      0.2975,
      1.085,
      0.395,
      1.185,
      0.495,
      1.2825,
      0.5925,
      1.3825
    ],
    "SoftwareVersions": "syngo_MR_D13D",
    "StationName": "AWP66018",
    "TaskDescription": "Passively listened to audio story 'shapesphysical'",
    "TaskName": "shapesphysical",
    "TotalReadoutTime": 0.0883478,
    "dataset": "ds002345",
    "modality": "bold",
    "subject_id": "250",
    "task_id": "shapesphysical"
  },
  "dummy_trs": 0,
  "dvars_nstd": 35.898173524285696,
  "dvars_std": 1.1034672002922077,
  "dvars_vstd": 1.0081615996428568,
  "efc": 0.595590823151972,
  "fber": 306.4248352050781,
  "fd_mean": 0.12936265578386308,
  "fd_num": 28,
  "fd_perc": 9.06148867313916,
  "fwhm_avg": 2.8393116666666667,
  "fwhm_x": 2.58061,
  "fwhm_y": 3.045445,
  "fwhm_z": 2.89188,
  "gcor": 0.00815419,
  "gsr_x": -0.004924924112856388,
  "gsr_y": 0.07340213656425476,
  "provenance": {
    "md5sum": "ac84f5d45892ef0e9c42b26336767ea0",
    "settings": {
      "fd_thres": 0.2,
      "testing": false
    },
    "software": "mriqc",
    "version": "22.0.0rc1",
    "webapi_port": null,
    "webapi_url": "https://mriqc.nimh.nih.gov/api/v1"
  },
  "size_t": 309,
  "size_x": 96,
  "size_y": 96,
  "size_z": 60,
  "snr": 2.4122991915753373,
  "spacing_tr": 1.5,
  "spacing_x": 2.0,
  "spacing_y": 2.0,
  "spacing_z": 2.0,
  "summary_bg_k": 44.56614615717644,
  "summary_bg_mad": 7.5953360323285555,
  "summary_bg_mean": 50.527099609375,
  "summary_bg_median": 25.572816848754883,
  "summary_bg_n": 325739.0,
  "summary_bg_p05": 19.145631790161133,
  "summary_bg_p95": 178.00032348632806,
  "summary_bg_stdv": 65.82218170166016,
  "summary_fg_k": 1.764869514885997,
  "summary_fg_mad": 177.49962790790457,
  "summary_fg_mean": 495.367431640625,
  "summary_fg_median": 466.239501953125,
  "summary_fg_n": 140922.0,
  "summary_fg_p05": 248.50276489257814,
  "summary_fg_p95": 851.5817687988279,
  "summary_fg_stdv": 193.27529907226562,
  "tsnr": 34.56741091259755
}