{
  "aor": 0.00205252427184466,
  "aqi": 0.011943842588996762,
  "bids_meta": {
    "CogAtlasID": "https://www.cognitiveatlas.org/task/id/trm_4c8991fadfe01",
    "DeviceSerialNumber": "66018",
    "DwellTime": 4.2e-06,
    "EchoTime": 0.039,
    "EffectiveEchoSpacing": 0.000929976,
    "FlipAngle": 50,
    "InstitutionAddress": "Washington Rd, Princeton, NJ 08540, USA",
    "InstitutionName": "Princeton University",
    "InstitutionalDepartmentName": "Princeton Neuroscience Institute",
    "MagneticFieldStrength": 3,
    "Manufacturer": "Siemens",
    "ManufacturersModelName": "Prisma",
    "NumberOfVolumesDiscardedByScanner": 3,
    "ParallelReductionType": "GRAPPA",
    "PartialFourier": 0.75,
    "PhaseEncodingDirection": "j-",
    "PixelBandwidth": 1240,
    "PulseSequenceDetails": "%CustomerSeq%_ep2d_bold_sms_mgh_v22",
    "PulseSequenceType": "Gradient Echo EPI",
    "ReceiveCoilActiveElements": "HC1-7;NC1,2",
    "ReceiveCoilName": "HeadNeck_64",
    "RepetitionTime": 1.5,
    "ScanOptions": "PFP_FS",
    "ScanningSequence": "EP",
    "SequenceName": "epfSM2d1_96",
    "SequenceVariant": "SK",
    "SliceTiming": [
      0.6925,
      0,
      0.79,
      0.1,
      0.8875,
      0.1975,
      0.9875,
      0.2975,
      1.085,
      0.395,
      1.185,
      0.495,
      1.2825,
      0.5925,
      1.3825,
      0.6925,
      0,
      0.79,
      0.1,
      0.8875,
      0.1975,
      0.9875,
      0.2975,
      1.085,
      0.395,
      1.185,
      0.495,
      1.2825,
      0.5925,
      1.3825,
      0.6925,
      0,
      0.79,
      0.1,
      0.8875,
      0.1975,
      0.9875,
      0.2975,
      1.085,
      0.395,
      1.185,
      0.495,
      1.2825,
      0.5925,
      1.3825,
      0.6925,
      0,
      0.79,
      0.1,
      0.8875,
      0.1975,
      0.9875,
      0.2975,
      1.085,
      0.395,
      1.185,
      0.495,
      1.2825,
      0.5925,
      1.3825
    ],
    "SoftwareVersions": "syngo_MR_D13D",
    "StationName": "AWP66018",
    "TaskDescription": "Passively listened to audio story 'shapessocial'",
    "TaskName": "shapessocial",
    "TotalReadoutTime": 0.0883478,
    "dataset": "ds002345",
    "modality": "bold",
    "subject_id": "250",
    "task_id": "shapessocial"
  },
  "dummy_trs": 0,
  "dvars_nstd": 39.85855114292211,
  "dvars_std": 1.087534368409091,
  "dvars_vstd": 0.9735034376948046,
  "efc": 0.5964419664117732,
  "fber": 290.68597412109375,
  "fd_mean": 0.1781393864433535,
  "fd_num": 74,
  "fd_perc": 23.948220064724918,
  "fwhm_avg": 2.891151666666667,
  "fwhm_x": 2.63448,
  "fwhm_y": 3.115125,
  "fwhm_z": 2.92385,
  "gcor": 0.0167144,
  "gsr_x": -0.007856623269617558,
  "gsr_y": 0.06891220808029175,
  "provenance": {
    "md5sum": "0e44e4330c98f52387f35870ffd09164",
    "settings": {
      "fd_thres": 0.2,
      "testing": false
    },
    "software": "mriqc",
    "version": "22.0.0rc1",
    "webapi_port": null,
    "webapi_url": "https://mriqc.nimh.nih.gov/api/v1"
  },
  "size_t": 309,
  "size_x": 96,
  "size_y": 96,
  "size_z": 60,
  "snr": 2.3527064451784065,
  "spacing_tr": 1.5,
  "spacing_x": 2.0,
  "spacing_y": 2.0,
  "spacing_z": 2.0,
  "summary_bg_k": 30.67671641773277,
  "summary_bg_mad": 8.679702123695089,
  "summary_bg_mean": 52.42571258544922,
  "summary_bg_median": 26.63106918334961,
  "summary_bg_n": 324430.0,
  "summary_bg_p05": 19.25242805480957,
  "summary_bg_p95": 185.13446960449215,
  "summary_bg_stdv": 67.95652770996094,
  "summary_fg_k": 2.058605920430778,
  "summary_fg_mad": 180.46483234491578,
  "summary_fg_mean": 499.7625732421875,
  "summary_fg_median": 468.9255676269531,
  "summary_fg_n": 141535.0,
  "summary_fg_p05": 247.81262512207033,
  "summary_fg_p95": 866.4216857910155,
  "summary_fg_stdv": 199.3125457763672,
  "tsnr": 29.617092491011135
}