{
  "aor": 0.0010125858585858588,
  "aqi": 0.007333931373737373,
  "bids_meta": {
    "CogAtlasID": "https://www.cognitiveatlas.org/task/id/trm_4c8991fadfe01",
    "DeviceSerialNumber": "66018",
    "DwellTime": 4.2e-06,
    "EchoTime": 0.039,
    "EffectiveEchoSpacing": 0.000929976,
    "FlipAngle": 50,
    "InstitutionAddress": "Washington Rd, Princeton, NJ 08540, USA",
    "InstitutionName": "Princeton University",
    "InstitutionalDepartmentName": "Princeton Neuroscience Institute",
    "MagneticFieldStrength": 3,
    "Manufacturer": "Siemens",
    "ManufacturersModelName": "Prisma",
    "NumberOfVolumesDiscardedByScanner": 3,
    "ParallelReductionType": "GRAPPA",
    "PartialFourier": 0.75,
    "PhaseEncodingDirection": "j-",
    "PixelBandwidth": 1240,
    "PulseSequenceDetails": "%CustomerSeq%_ep2d_bold_sms_mgh_v22",
    "PulseSequenceType": "Gradient Echo EPI",
    "ReceiveCoilActiveElements": "HC1-7;NC1,2",
    "ReceiveCoilName": "HeadNeck_64",
    "RepetitionTime": 1.5,
    "ScanOptions": "PFP_FS",
    "ScanningSequence": "EP",
    "SequenceName": "epfSM2d1_96",
    "SequenceVariant": "SK",
    "SliceTiming": [
      0.6925,
      0,
      0.79,
      0.1,
      0.8875,
      0.1975,
      0.9875,
      0.2975,
      1.085,
      0.395,
      1.185,
      0.495,
      1.2825,
      0.5925,
      1.3825,
      0.6925,
      0,
      0.79,
      0.1,
      0.8875,
      0.1975,
      0.9875,
      0.2975,
      1.085,
      0.395,
      1.185,
      0.495,
      1.2825,
      0.5925,
      1.3825,
      0.6925,
      0,
      0.79,
      0.1,
      0.8875,
      0.1975,
      0.9875,
      0.2975,
      1.085,
      0.395,
      1.185,
      0.495,
      1.2825,
      0.5925,
      1.3825,
      0.6925,
      0,
      0.79,
      0.1,
      0.8875,
      0.1975,
      0.9875,
      0.2975,
      1.085,
      0.395,
      1.185,
      0.495,
      1.2825,
      0.5925,
      1.3825
    ],
    "SoftwareVersions": "syngo_MR_D13D",
    "StationName": "AWP66018",
    "TaskDescription": "Passively listened to audio story 'schema'",
    "TaskName": "schema",
    "TotalReadoutTime": 0.0883478,
    "dataset": "ds002345",
    "modality": "bold",
    "run_id": 4,
    "subject_id": "132",
    "task_id": "schema"
  },
  "dummy_trs": 0,
  "dvars_nstd": 38.868197197813785,
  "dvars_std": 1.0929460223684209,
  "dvars_vstd": 0.9746280121862345,
  "efc": 0.616851875267147,
  "fber": 230.4521484375,
  "fd_mean": 0.1604735837387963,
  "fd_num": 118,
  "fd_perc": 23.838383838383837,
  "fwhm_avg": 2.98044,
  "fwhm_x": 2.793045,
  "fwhm_y": 3.191515,
  "fwhm_z": 2.95676,
  "gcor": 0.0141803,
  "gsr_x": -0.0019965260289609432,
  "gsr_y": 0.0675213411450386,
  "provenance": {
    "md5sum": "6016d49c7cbe526badd4473857679f7e",
    "settings": {
      "fd_thres": 0.2,
      "testing": false
    },
    "software": "mriqc",
    "version": "22.0.6",
    "webapi_port": null,
    "webapi_url": "https://mriqc.nimh.nih.gov/api/v1"
  },
  "size_t": 495,
  "size_x": 96,
  "size_y": 96,
  "size_z": 60,
  "snr": 2.180214978320773,
  "spacing_tr": 1.5,
  "spacing_x": 2.0,
  "spacing_y": 2.0,
  "spacing_z": 2.0,
  "summary_bg_k": 26.416825400694428,
  "summary_bg_mad": 8.960010281822413,
  "summary_bg_mean": 55.13203048706055,
  "summary_bg_median": 30.570709228515625,
  "summary_bg_n": 300746.0,
  "summary_bg_p05": 23.032323837280273,
  "summary_bg_p95": 182.68031311035156,
  "summary_bg_stdv": 65.2154769897461,
  "summary_fg_k": 1.543692730359135,
  "summary_fg_mad": 204.27865540265717,
  "summary_fg_mean": 522.4415283203125,
  "summary_fg_median": 483.4030456542969,
  "summary_fg_n": 162598.0,
  "summary_fg_p05": 243.54082107543945,
  "summary_fg_p95": 940.1771179199216,
  "summary_fg_stdv": 221.7219696044922,
  "tsnr": 35.07091848202981
}