{
  "aor": 0.0014082432432432433,
  "aqi": 0.03481391047297298,
  "bids_meta": {
    "CogAtlasID": "https://www.cognitiveatlas.org/task/id/trm_4c8991fadfe01",
    "DeviceSerialNumber": "45031",
    "DwellTime": 5.4e-06,
    "EchoTime": 0.028,
    "EffectiveEchoSpacing": 0.000390001,
    "FlipAngle": 64,
    "InstitutionAddress": "Washington Rd, Princeton, NJ 08540, USA",
    "InstitutionName": "Princeton University",
    "InstitutionalDepartmentName": "Princeton Neuroscience Institute",
    "MagneticFieldStrength": 3,
    "Manufacturer": "Siemens",
    "ManufacturersModelName": "Skyra",
    "NumberOfVolumesDiscardedByScanner": 3,
    "ParallelReductionFactorInPlane": 2,
    "ParallelReductionType": "GRAPPA",
    "PartialFourier": 1,
    "PhaseEncodingDirection": "j-",
    "PixelBandwidth": 1445,
    "PulseSequenceDetails": "%SiemensSeq%_ep2d_bold",
    "PulseSequenceType": "Gradient Echo EPI",
    "ReceiveCoilActiveElements": "HE1-4",
    "ReceiveCoilName": "HeadNeck_20",
    "RepetitionTime": 1.52,
    "ScanOptions": "FS",
    "ScanningSequence": "EP",
    "SequenceName": "_epfid2d1_64",
    "SequenceVariant": "SK",
    "SliceTiming": [
      0,
      0.7775,
      0.0575,
      0.835,
      0.1125,
      0.89,
      0.1675,
      0.945,
      0.2225,
      1,
      0.2775,
      1.055,
      0.335,
      1.1125,
      0.39,
      1.1675,
      0.445,
      1.2225,
      0.5,
      1.2775,
      0.5575,
      1.335,
      0.6125,
      1.39,
      0.6675,
      1.445,
      0.7225
    ],
    "SoftwareVersions": "syngo_MR_E11",
    "StationName": "AWP45031",
    "TaskDescription": "Passively listened to audio story 'milkyway'",
    "TaskName": "milkyway",
    "TotalReadoutTime": 0.0245701,
    "dataset": "ds002345",
    "modality": "bold",
    "subject_id": "123",
    "task_id": "milkyway"
  },
  "dummy_trs": 1,
  "dvars_nstd": 20.56573469498304,
  "dvars_std": 0.9500004182033894,
  "dvars_vstd": 0.914535583016949,
  "efc": 0.5726742846964986,
  "fber": 1416.7261962890625,
  "fd_mean": 0.18119285420818834,
  "fd_num": 83,
  "fd_perc": 28.04054054054054,
  "fwhm_avg": 1.7885097222222222,
  "fwhm_x": 1.7495733333333332,
  "fwhm_y": 2.0622433333333334,
  "fwhm_z": 1.5537125,
  "gcor": 0.00481885,
  "gsr_x": -0.003534443210810423,
  "gsr_y": 0.053296852856874466,
  "provenance": {
    "md5sum": "0e621011051b6b1d72453c04da078e6a",
    "settings": {
      "fd_thres": 0.2,
      "testing": false
    },
    "software": "mriqc",
    "version": "22.0.0rc1",
    "webapi_port": null,
    "webapi_url": "https://mriqc.nimh.nih.gov/api/v1"
  },
  "size_t": 296,
  "size_x": 64,
  "size_y": 64,
  "size_z": 27,
  "snr": 6.746264291598439,
  "spacing_tr": 1.5199999809265137,
  "spacing_x": 3.0,
  "spacing_y": 3.0,
  "spacing_z": 4.0,
  "summary_bg_k": 25.686156599538165,
  "summary_bg_mad": 14.345179215862611,
  "summary_bg_mean": 42.00279235839844,
  "summary_bg_median": 17.800676345825195,
  "summary_bg_n": 58756.0,
  "summary_bg_p05": 6.358108043670654,
  "summary_bg_p95": 168.48564529418945,
  "summary_bg_stdv": 67.74472045898438,
  "summary_fg_k": 3.131235227722488,
  "summary_fg_mad": 88.72823188430424,
  "summary_fg_mean": 671.7625732421875,
  "summary_fg_median": 662.04052734375,
  "summary_fg_n": 24576.0,
  "summary_fg_p05": 543.0819396972656,
  "summary_fg_p95": 834.4628448486328,
  "summary_fg_stdv": 98.13239288330078,
  "tsnr": 37.243516652379185
}