{
  "aor": 0.0008930947368421053,
  "aqi": 0.007267981284210526,
  "bids_meta": {
    "CogAtlasID": "https://www.cognitiveatlas.org/task/id/trm_4c8991fadfe01",
    "DeviceSerialNumber": "45031",
    "DwellTime": 5.4e-06,
    "EchoTime": 0.028,
    "EffectiveEchoSpacing": 0.000390001,
    "FlipAngle": 64,
    "InstitutionAddress": "Washington Rd, Princeton, NJ 08540, USA",
    "InstitutionName": "Princeton University",
    "InstitutionalDepartmentName": "Princeton Neuroscience Institute",
    "MagneticFieldStrength": 3,
    "Manufacturer": "Siemens",
    "ManufacturersModelName": "Skyra",
    "NumberOfVolumesDiscardedByScanner": 3,
    "ParallelReductionFactorInPlane": 2,
    "ParallelReductionType": "GRAPPA",
    "PartialFourier": 1,
    "PhaseEncodingDirection": "j-",
    "PixelBandwidth": 1445,
    "PulseSequenceDetails": "%SiemensSeq%_ep2d_bold",
    "PulseSequenceType": "Gradient Echo EPI",
    "ReceiveCoilActiveElements": "HE1-4",
    "ReceiveCoilName": "HeadNeck_20",
    "RepetitionTime": 1.5,
    "ScanOptions": "FS",
    "ScanningSequence": "EP",
    "SequenceName": "_epfid2d1_64",
    "SequenceVariant": "SK",
    "SliceTiming": [
      0,
      0.7775,
      0.055,
      0.8325,
      0.11,
      0.8875,
      0.165,
      0.9425,
      0.22,
      0.9975,
      0.2775,
      1.055,
      0.3325,
      1.11,
      0.3875,
      1.165,
      0.4425,
      1.22,
      0.5,
      1.2775,
      0.555,
      1.3325,
      0.61,
      1.3875,
      0.665,
      1.4425,
      0.72
    ],
    "SoftwareVersions": "syngo_MR_D11",
    "StationName": "AWP45031",
    "TaskDescription": "Passively listened to audio story 'prettymouth'",
    "TaskName": "prettymouth",
    "TotalReadoutTime": 0.0245701,
    "dataset": "ds002345",
    "modality": "bold",
    "subject_id": "092",
    "task_id": "prettymouth"
  },
  "dummy_trs": 0,
  "dvars_nstd": 20.086617435696187,
  "dvars_std": 1.2098200348312222,
  "dvars_vstd": 1.0039619477637123,
  "efc": 0.60966985042343,
  "fber": 1049.31689453125,
  "fd_mean": 0.11108280223895915,
  "fd_num": 30,
  "fd_perc": 6.315789473684211,
  "fwhm_avg": 1.7868213888888889,
  "fwhm_x": 1.7820533333333335,
  "fwhm_y": 1.9321833333333334,
  "fwhm_z": 1.6462275,
  "gcor": 0.0737188,
  "gsr_x": 0.015877740457654,
  "gsr_y": 0.022172750905156136,
  "provenance": {
    "md5sum": "1339eb304b76799202e3596ea2150a86",
    "settings": {
      "fd_thres": 0.2,
      "testing": false
    },
    "software": "mriqc",
    "version": "21.0.0rc2",
    "webapi_port": null,
    "webapi_url": "https://mriqc.nimh.nih.gov/api/v1"
  },
  "size_t": 475,
  "size_x": 64,
  "size_y": 64,
  "size_z": 27,
  "snr": 7.124127178323841,
  "spacing_tr": 1.5,
  "spacing_x": 3.0,
  "spacing_y": 3.0,
  "spacing_z": 4.0,
  "summary_bg_k": 21.251028555112047,
  "summary_bg_mad": 19.195794614689987,
  "summary_bg_mean": 58.81343078613281,
  "summary_bg_median": 23.402103424072266,
  "summary_bg_n": 54799.0,
  "summary_bg_p05": 8.02736759185791,
  "summary_bg_p95": 246.32083435058593,
  "summary_bg_stdv": 96.5307388305664,
  "summary_fg_k": 2.41426581724577,
  "summary_fg_mad": 100.08501555293766,
  "summary_fg_mean": 782.7385864257812,
  "summary_fg_median": 773.7725830078125,
  "summary_fg_n": 27840.0,
  "summary_fg_p05": 632.4172607421875,
  "summary_fg_p95": 965.6996490478516,
  "summary_fg_stdv": 108.61101531982422,
  "tsnr": 70.50326061993837
}