{
  "aor": 0.0005347294938917975,
  "aqi": 0.00818760762652705,
  "bids_meta": {
    "AcquisitionMatrixPE": 96,
    "BandwidthPerPixelPhaseEncode": 20.425,
    "BaseResolution": 96,
    "BodyPartExamined": "BRAIN",
    "ConsistencyInfo": "N4_VE11C_LATEST_20160120",
    "ConversionSoftware": "dcm2niix",
    "ConversionSoftwareVersion": "v1.0.20180328 GCC6.3.0",
    "DerivedVendorReportedEchoSpacing": 0.000509996,
    "DeviceSerialNumber": "66018",
    "DwellTime": 2.1e-06,
    "EchoTime": 0.031,
    "EchoTrainLength": 96,
    "EffectiveEchoSpacing": 0.000509996,
    "FlipAngle": 67,
    "ImageOrientationPatientDICOM": [
      1,
      0,
      0,
      0,
      1,
      0
    ],
    "ImageType": [
      "ORIGINAL",
      "PRIMARY",
      "M",
      "ND",
      "NORM",
      "MOSAIC"
    ],
    "InPlanePhaseEncodingDirectionDICOM": "COL",
    "InstitutionAddress": "Washington Rd, Princeton, NJ 08540, USA",
    "InstitutionName": "Princeton University",
    "InstitutionalDepartmentName": "Princeton Neuroscience Institute",
    "MRAcquisitionType": "2D",
    "MagneticFieldStrength": 3,
    "Manufacturer": "Siemens",
    "ManufacturersModelName": "Prisma",
    "Modality": "MR",
    "MultibandAccelerationFactor": 3,
    "NumberOfVolumesDiscardedByScanner": 3,
    "PartialFourier": 1,
    "PatientPosition": "HFS",
    "PercentPhaseFOV": 100,
    "PhaseEncodingDirection": "j-",
    "PhaseEncodingSteps": 96,
    "PhaseResolution": 1,
    "PixelBandwidth": 2480,
    "ProcedureStepDescription": "Hasson_Nastase_042518_Storyteller",
    "ProtocolName": "func_task-forgot",
    "PulseSequenceDetails": "%SiemensSeq%_ep2d_bold",
    "ReceiveCoilActiveElements": "HC1-7;NC1",
    "ReceiveCoilName": "HeadNeck_64",
    "ReconMatrixPE": 96,
    "RepetitionTime": 1.5,
    "SAR": 0.0442768,
    "ScanOptions": "FS",
    "ScanningSequence": "EP",
    "SequenceName": "_epfid2d1_96",
    "SequenceVariant": "SK",
    "SeriesDescription": "func_task-forgot",
    "SeriesNumber": 9,
    "ShimSetting": [
      753,
      532,
      2111,
      677,
      -93,
      64,
      261,
      37
    ],
    "SliceThickness": 2.5,
    "SliceTiming": [
      1.11,
      0,
      0.74,
      0.0925,
      0.8325,
      0.185,
      0.925,
      0.2775,
      1.0175,
      0.4625,
      1.2025,
      0.555,
      1.295,
      0.6475,
      1.3875,
      0.37,
      1.11,
      0,
      0.74,
      0.0925,
      0.8325,
      0.185,
      0.925,
      0.2775,
      1.0175,
      0.4625,
      1.2025,
      0.555,
      1.295,
      0.6475,
      1.3875,
      0.37,
      1.11,
      0,
      0.74,
      0.0925,
      0.8325,
      0.185,
      0.925,
      0.2775,
      1.0175,
      0.4625,
      1.2025,
      0.555,
      1.295,
      0.6475,
      1.3875,
      0.37
    ],
    "SoftwareVersions": "syngo_MR_E11",
    "SpacingBetweenSlices": 2.5,
    "StationName": "AWP66018",
    "TaskDescription": "Passively listened to audio story 'forgot'",
    "TaskName": "forgot",
    "TotalReadoutTime": 0.0484496,
    "TxRefAmp": 226.616,
    "dataset": "ds002345",
    "modality": "bold",
    "subject_id": "280",
    "task_id": "forgot"
  },
  "dummy_trs": 1,
  "dvars_nstd": 32.44489760484265,
  "dvars_std": 1.3829450664685308,
  "dvars_vstd": 0.9974496031118888,
  "efc": 0.4597090534504543,
  "fber": 4291.060546875,
  "fd_mean": 0.146892236421349,
  "fd_num": 95,
  "fd_perc": 16.57940663176265,
  "fwhm_avg": 1.9366946666666667,
  "fwhm_x": 1.8531559999999998,
  "fwhm_y": 2.052972,
  "fwhm_z": 1.9039560000000002,
  "gcor": 0.0146435,
  "gsr_x": -0.01893901638686657,
  "gsr_y": 0.027734942734241486,
  "provenance": {
    "md5sum": "5ce0b1ec35006b2923080ca273ed618c",
    "settings": {
      "fd_thres": 0.2,
      "testing": false
    },
    "software": "mriqc",
    "version": "22.0.0rc1",
    "webapi_port": null,
    "webapi_url": "https://mriqc.nimh.nih.gov/api/v1"
  },
  "size_t": 573,
  "size_x": 96,
  "size_y": 96,
  "size_z": 48,
  "snr": 6.140736628825409,
  "spacing_tr": 1.5,
  "spacing_x": 2.5,
  "spacing_y": 2.5,
  "spacing_z": 2.5,
  "summary_bg_k": 24.15454312886771,
  "summary_bg_mad": 6.792026062588025,
  "summary_bg_mean": 31.251968383789062,
  "summary_bg_median": 11.347294807434082,
  "summary_bg_n": 313714.0,
  "summary_bg_p05": 5.240837574005127,
  "summary_bg_p95": 131.0501739501951,
  "summary_bg_stdv": 59.79250717163086,
  "summary_fg_k": 2.4798592036055958,
  "summary_fg_mad": 111.83421282756166,
  "summary_fg_mean": 750.1980590820312,
  "summary_fg_median": 748.2303466796875,
  "summary_fg_n": 66985.0,
  "summary_fg_p05": 575.2167724609375,
  "summary_fg_p95": 942.6851684570311,
  "summary_fg_stdv": 121.8460922241211,
  "tsnr": 61.582291787141
}