{
  "bids_meta": {
    "DeviceSerialNumber": "45031",
    "DwellTime": 8.2e-06,
    "EchoTime": 0.00308,
    "FlipAngle": 9,
    "InstitutionAddress": "Washington Rd, Princeton, NJ 08540, USA",
    "InstitutionName": "Princeton University",
    "InstitutionalDepartmentName": "Princeton Neuroscience Institute",
    "InversionTime": 0.9,
    "MagneticFieldStrength": 3,
    "Manufacturer": "Siemens",
    "ManufacturersModelName": "Skyra",
    "ParallelReductionFactorInPlane": 2,
    "ParallelReductionType": "GRAPPA",
    "PartialFourier": 1,
    "PixelBandwidth": 240,
    "PulseSequenceDetails": "%SiemensSeq%_tfl",
    "PulseSequenceType": "MPRAGE",
    "ReceiveCoilActiveElements": "HE1-4",
    "ReceiveCoilName": "HeadNeck_20",
    "RepetitionTime": 2.3,
    "ScanOptions": "IR",
    "ScanningSequence": "GR_IR",
    "SequenceName": "_tfl3d1_16ns",
    "SequenceVariant": "SK_SP_MP",
    "SoftwareVersions": "syngo_MR_D11",
    "StationName": "AWP45031",
    "dataset": "ds002345",
    "modality": "T1w",
    "subject_id": "057"
  },
  "cjv": 0.4309738872125987,
  "cnr": 3.0100500501278873,
  "efc": 0.6038959438014727,
  "fber": 1029.2795147856405,
  "fwhm_avg": 3.135241945905891,
  "fwhm_x": 3.20576653928095,
  "fwhm_y": 3.285318046045341,
  "fwhm_z": 2.9146412523913816,
  "icvs_csf": 0.19808089530213036,
  "icvs_gm": 0.43911585633900785,
  "icvs_wm": 0.3628032483588618,
  "inu_med": 1.382899284362793,
  "inu_range": 0.4191082894802092,
  "provenance": {
    "md5sum": "7b234923e6a2c9a8190964d22db8df75",
    "settings": {
      "testing": false
    },
    "software": "mriqc",
    "version": "21.0.0rc2",
    "warnings": {
      "large_rot_frame": true,
      "small_air_mask": false
    },
    "webapi_port": null,
    "webapi_url": "https://mriqc.nimh.nih.gov/api/v1"
  },
  "qi_1": 0.0011401398339134204,
  "qi_2": 0.0021619853691943807,
  "rpve_csf": 26.111017711143173,
  "rpve_gm": 12.7492116400866,
  "rpve_wm": 18.140907936646133,
  "size_x": 192,
  "size_y": 256,
  "size_z": 256,
  "snr_csf": 3.086924822552849,
  "snr_gm": 9.070452160826289,
  "snr_total": 9.824886674005816,
  "snr_wm": 17.317283038638312,
  "snrd_csf": 21.063078781801337,
  "snrd_gm": 40.152749276591884,
  "snrd_total": 39.51112656523694,
  "snrd_wm": 57.317551637317614,
  "spacing_x": 0.9000000357627869,
  "spacing_y": 0.8593749403953552,
  "spacing_z": 0.8593750596046448,
  "summary_bg_k": 1075.3810315707933,
  "summary_bg_mad": 11.42994380416285,
  "summary_bg_mean": 19.465373789813864,
  "summary_bg_median": 15.535568669438362,
  "summary_bg_n": 3079345.0,
  "summary_bg_p05": 2.569793313741684,
  "summary_bg_p95": 43.861699514091015,
  "summary_bg_stdv": 24.475346499924317,
  "summary_csf_k": -0.37556195713250684,
  "summary_csf_mad": 137.50568758341367,
  "summary_csf_mean": 369.4724524500495,
  "summary_csf_median": 367.4804438650608,
  "summary_csf_n": 14407.0,
  "summary_csf_p05": 187.96285958215594,
  "summary_csf_p95": 559.4615257196126,
  "summary_csf_stdv": 119.04005158177326,
  "summary_gm_k": 0.15879877204457138,
  "summary_gm_mad": 74.25133948537608,
  "summary_gm_mean": 702.9125074952046,
  "summary_gm_median": 700.5314977653325,
  "summary_gm_n": 23516.0,
  "summary_gm_p05": 578.9627527073026,
  "summary_gm_p95": 835.2704335562885,
  "summary_gm_stdv": 77.23061545355334,
  "summary_wm_k": 0.4546379882747189,
  "summary_wm_mad": 54.81177596996275,
  "summary_wm_mean": 998.1980611121289,
  "summary_wm_median": 1000.0000254064798,
  "summary_wm_n": 222596.0,
  "summary_wm_p05": 900.3621301054955,
  "summary_wm_p95": 1089.3587474524975,
  "summary_wm_stdv": 57.745650801621174,
  "tpm_overlap_csf": 0.1674032211303711,
  "tpm_overlap_gm": 0.4246450960636139,
  "tpm_overlap_wm": 0.4780349135398865,
  "wm2max": 0.5182046548227959
}