{
  "bids_meta": {
    "DeviceSerialNumber": "66018",
    "DwellTime": 9.8e-06,
    "EchoTime": 0.00267,
    "FlipAngle": 7,
    "InstitutionAddress": "Washington Rd, Building 25, Princeton, NJ 08540, USA",
    "InstitutionName": "Princeton University",
    "InstitutionalDepartmentName": "Princeton Neuroscience Institute",
    "InversionTime": 1.2,
    "MagneticFieldStrength": 3,
    "Manufacturer": "Siemens",
    "ManufacturersModelName": "Prisma",
    "ParallelReductionFactorInPlane": 2,
    "ParellelReductionType": "TODO",
    "PartialFourier": 1,
    "PixelBandwidth": 200,
    "PulseSequenceDetails": "%SiemensSeq%_tfl",
    "PulseSequenceType": "MPRAGE",
    "ReceiveCoilActiveElements": "HC1-7;NC1",
    "ReceiveCoilName": "HeadNeck_64",
    "RepetitionTime": 2.53,
    "ScanOptions": "IR",
    "ScanningSequence": "GR_IR",
    "SequenceName": "_tfl3d1_16",
    "SequenceVariant": "SK_SP_MP",
    "SoftwareVersions": "syngo_MR_D13D",
    "StationName": "AWP66018",
    "dataset": "ds002345",
    "modality": "T1w",
    "subject_id": "250"
  },
  "cjv": 0.4212088323599868,
  "cnr": 2.98968177107442,
  "efc": 0.6321455117746899,
  "fber": 185.98908776345706,
  "fwhm_avg": 4.020476666666666,
  "fwhm_x": 3.8606,
  "fwhm_y": 4.05387,
  "fwhm_z": 4.14696,
  "icvs_csf": 0.2305435360172018,
  "icvs_gm": 0.39305843354960934,
  "icvs_wm": 0.37639803043318887,
  "inu_med": 1.247910976409912,
  "inu_range": 0.669539213180542,
  "provenance": {
    "md5sum": "ed0851a6201461dcdb46ee33d4c23831",
    "settings": {
      "testing": false
    },
    "software": "mriqc",
    "version": "22.0.0rc1",
    "warnings": {
      "large_rot_frame": true,
      "small_air_mask": false
    },
    "webapi_port": null,
    "webapi_url": "https://mriqc.nimh.nih.gov/api/v1"
  },
  "qi_1": 0.0,
  "qi_2": 0.0014134570062180154,
  "rpve_csf": 23.04943971945665,
  "rpve_gm": 13.034410509242454,
  "rpve_wm": 16.70833558416833,
  "size_x": 176,
  "size_y": 256,
  "size_z": 256,
  "snr_csf": 3.4855316420074187,
  "snr_gm": 10.248401646429338,
  "snr_total": 9.530545148721584,
  "snr_wm": 14.857702157727994,
  "snrd_csf": 8.839645895858983,
  "snrd_gm": 15.577362931995586,
  "snrd_total": 15.564093179093298,
  "snrd_wm": 22.275270709425325,
  "spacing_x": 1.0,
  "spacing_y": 1.0,
  "spacing_z": 1.0,
  "summary_bg_k": 2.0129406852578065,
  "summary_bg_mad": 29.413556000889205,
  "summary_bg_mean": 53.737663768168744,
  "summary_bg_median": 50.134048126637936,
  "summary_bg_n": 2956924.0,
  "summary_bg_p05": 11.4387845993042,
  "summary_bg_p95": 107.68543314188719,
  "summary_bg_stdv": 30.49367610491688,
  "summary_csf_k": -0.04893185490765051,
  "summary_csf_mad": 115.20309433681606,
  "summary_csf_mean": 392.5591010380133,
  "summary_csf_median": 396.8722062930465,
  "summary_csf_n": 17292.0,
  "summary_csf_p05": 196.06791727244854,
  "summary_csf_p95": 570.1027688439937,
  "summary_csf_stdv": 113.85945424869328,
  "summary_gm_k": 0.20260599375370214,
  "summary_gm_mad": 65.05430629025496,
  "summary_gm_mean": 697.2278769162973,
  "summary_gm_median": 699.3744396418333,
  "summary_gm_n": 10281.0,
  "summary_gm_p05": 581.8588009849191,
  "summary_gm_p95": 806.2555832415819,
  "summary_gm_stdv": 68.23897520649011,
  "summary_wm_k": 1.140212987675727,
  "summary_wm_mad": 61.60947540726793,
  "summary_wm_mean": 1006.013502532007,
  "summary_wm_median": 1000.0893628969789,
  "summary_wm_n": 196546.0,
  "summary_wm_p05": 906.791776008904,
  "summary_wm_p95": 1126.1840900033712,
  "summary_wm_stdv": 67.3110019379743,
  "tpm_overlap_csf": 0.14337052404880524,
  "tpm_overlap_gm": 0.419920951128006,
  "tpm_overlap_wm": 0.49907800555229187,
  "wm2max": 0.5205398944337681
}