{
  "aor": 0.004035466666666667,
  "aqi": 0.02350217686666667,
  "bids_meta": {
    "CogAtlasID": "https://www.cognitiveatlas.org/task/id/trm_4c8991fadfe01",
    "DeviceSerialNumber": "45031",
    "DwellTime": 5.4e-06,
    "EchoTime": 0.028,
    "EffectiveEchoSpacing": 0.000390001,
    "FlipAngle": 64,
    "InstitutionAddress": "Washington Rd, Princeton, NJ 08540, USA",
    "InstitutionName": "Princeton University",
    "InstitutionalDepartmentName": "Princeton Neuroscience Institute",
    "MagneticFieldStrength": 3,
    "Manufacturer": "Siemens",
    "ManufacturersModelName": "Skyra",
    "NumberOfVolumesDiscardedByScanner": 3,
    "ParallelReductionFactorInPlane": 2,
    "ParallelReductionType": "GRAPPA",
    "PartialFourier": 1,
    "PhaseEncodingDirection": "j-",
    "PixelBandwidth": 1445,
    "PulseSequenceDetails": "%SiemensSeq%_ep2d_bold",
    "PulseSequenceType": "Gradient Echo EPI",
    "ReceiveCoilActiveElements": "HE1-4",
    "ReceiveCoilName": "HeadNeck_20",
    "RepetitionTime": 1.5,
    "ScanOptions": "FS",
    "ScanningSequence": "EP",
    "SequenceName": "_epfid2d1_64",
    "SequenceVariant": "SK",
    "SliceTiming": [
      0,
      0.7775,
      0.055,
      0.8325,
      0.11,
      0.89,
      0.1675,
      0.945,
      0.2225,
      1,
      0.2775,
      1.055,
      0.3325,
      1.11,
      0.39,
      1.1675,
      0.445,
      1.2225,
      0.5,
      1.2775,
      0.555,
      1.3325,
      0.61,
      1.3875,
      0.6675,
      1.445,
      0.7225
    ],
    "SoftwareVersions": "syngo_MR_D11",
    "StationName": "AWP45031",
    "TaskDescription": "Passively listened to audio story 'pieman'",
    "TaskName": "pieman",
    "TotalReadoutTime": 0.0245701,
    "dataset": "ds002345",
    "modality": "bold",
    "subject_id": "009",
    "task_id": "pieman"
  },
  "dummy_trs": 0,
  "dvars_nstd": 27.266998571705674,
  "dvars_std": 1.2657176066220739,
  "dvars_vstd": 0.970480552474917,
  "efc": 0.6354717235967551,
  "fber": 1102.0130615234375,
  "fd_mean": 0.1441906673941613,
  "fd_num": 32,
  "fd_perc": 10.666666666666666,
  "fwhm_avg": 1.7919424400851203,
  "fwhm_x": 1.7756033333333334,
  "fwhm_y": 2.092416666666667,
  "fwhm_z": 1.5078073202553606,
  "gcor": 0.0296626,
  "gsr_x": 0.0027008159086108208,
  "gsr_y": 0.06741223484277725,
  "provenance": {
    "md5sum": "7cc5c91a17cbe217756808c06f24f083",
    "settings": {
      "fd_thres": 0.2,
      "testing": false
    },
    "software": "mriqc",
    "version": "21.0.0rc2",
    "webapi_port": null,
    "webapi_url": "https://mriqc.nimh.nih.gov/api/v1"
  },
  "size_t": 300,
  "size_x": 64,
  "size_y": 64,
  "size_z": 27,
  "snr": 6.56956804333407,
  "spacing_tr": 1.5,
  "spacing_x": 3.0,
  "spacing_y": 3.0,
  "spacing_z": 4.000000476837158,
  "summary_bg_k": 15.155710574918317,
  "summary_bg_mad": 20.005245237501892,
  "summary_bg_mean": 61.21363830566406,
  "summary_bg_median": 21.893333435058594,
  "summary_bg_n": 50921.0,
  "summary_bg_p05": 6.6066670417785645,
  "summary_bg_p95": 244.16000366210938,
  "summary_bg_stdv": 89.93706512451172,
  "summary_fg_k": 4.092458983119636,
  "summary_fg_mad": 96.49266422412023,
  "summary_fg_mean": 777.84716796875,
  "summary_fg_median": 764.094970703125,
  "summary_fg_n": 30722.0,
  "summary_fg_p05": 629.6188659667969,
  "summary_fg_p95": 978.0516784667968,
  "summary_fg_stdv": 116.30635833740234,
  "tsnr": 47.390191964339465
}