{
  "bids_meta": {
    "DeviceSerialNumber": "45031",
    "DwellTime": 8.2e-06,
    "EchoTime": 0.00308,
    "FlipAngle": 9,
    "InstitutionAddress": "Washington Rd, Princeton, NJ 08540, USA",
    "InstitutionName": "Princeton University",
    "InstitutionalDepartmentName": "Princeton Neuroscience Institute",
    "InversionTime": 0.9,
    "MagneticFieldStrength": 3,
    "Manufacturer": "Siemens",
    "ManufacturersModelName": "Skyra",
    "ParallelReductionFactorInPlane": 2,
    "ParallelReductionType": "GRAPPA",
    "PartialFourier": 1,
    "PixelBandwidth": 240,
    "PulseSequenceDetails": "%SiemensSeq%_tfl",
    "PulseSequenceType": "MPRAGE",
    "ReceiveCoilActiveElements": "HE1-4",
    "ReceiveCoilName": "HeadNeck_20",
    "RepetitionTime": 2.3,
    "ScanOptions": "IR",
    "ScanningSequence": "GR_IR",
    "SequenceName": "_tfl3d1_16ns",
    "SequenceVariant": "SK_SP_MP",
    "SoftwareVersions": "syngo_MR_D13",
    "StationName": "AWP45031",
    "dataset": "ds002345",
    "modality": "T1w",
    "subject_id": "150"
  },
  "cjv": 0.48126727477060594,
  "cnr": 2.8156144727616135,
  "efc": 0.5980848241664342,
  "fber": 1252.7611585002974,
  "fwhm_avg": 3.3922574320278165,
  "fwhm_x": 3.3559778666808304,
  "fwhm_y": 3.569652611220801,
  "fwhm_z": 3.2511418181818184,
  "icvs_csf": 0.19161894189230344,
  "icvs_gm": 0.4239690936657969,
  "icvs_wm": 0.3844119644418997,
  "inu_med": 1.5003299713134766,
  "inu_range": 0.5493596196174622,
  "provenance": {
    "md5sum": "bb1c9986736fa6142e30ae1de93be0d1",
    "settings": {
      "testing": false
    },
    "software": "mriqc",
    "version": "22.0.0rc1",
    "warnings": {
      "large_rot_frame": true,
      "small_air_mask": false
    },
    "webapi_port": null,
    "webapi_url": "https://mriqc.nimh.nih.gov/api/v1"
  },
  "qi_1": 0.0,
  "qi_2": 0.0024074938349887276,
  "rpve_csf": 21.043422433149797,
  "rpve_gm": 10.316253617038338,
  "rpve_wm": 13.810673254986346,
  "size_x": 192,
  "size_y": 256,
  "size_z": 256,
  "snr_csf": 2.4566018922542403,
  "snr_gm": 9.153492659932859,
  "snr_total": 9.243559771757061,
  "snr_wm": 16.120584763084082,
  "snrd_csf": 21.26978584864983,
  "snrd_gm": 38.99708292292606,
  "snrd_total": 38.243282900706106,
  "snrd_wm": 54.46297993054243,
  "spacing_x": 0.8999999761581421,
  "spacing_y": 0.8593749403953552,
  "spacing_z": 0.859375,
  "summary_bg_k": 9.811003676864713,
  "summary_bg_mad": 12.029022214662216,
  "summary_bg_mean": 19.008017520464826,
  "summary_bg_median": 16.36326491832733,
  "summary_bg_n": 4119922.0,
  "summary_bg_p05": 2.727210819721222,
  "summary_bg_p95": 44.99897852540016,
  "summary_bg_stdv": 14.315787527191695,
  "summary_csf_k": 55.82483211601202,
  "summary_csf_mad": 129.7921388540024,
  "summary_csf_mean": 392.86985481376223,
  "summary_csf_median": 390.536589384079,
  "summary_csf_n": 12171.0,
  "summary_csf_p05": 186.23440885171294,
  "summary_csf_p95": 591.9751985557377,
  "summary_csf_stdv": 158.9677784386519,
  "summary_gm_k": 0.07343604791594016,
  "summary_gm_mad": 77.12726008224597,
  "summary_gm_mean": 718.4420276285297,
  "summary_gm_median": 716.0292007178068,
  "summary_gm_n": 32723.0,
  "summary_gm_p05": 594.1228770762682,
  "summary_gm_p95": 851.7079389989376,
  "summary_gm_stdv": 78.2235029263773,
  "summary_wm_k": 0.39436294167201247,
  "summary_wm_mad": 59.5386057515634,
  "summary_wm_mean": 999.2892635140022,
  "summary_wm_median": 1000.000027321279,
  "summary_wm_n": 328098.0,
  "summary_wm_p05": 896.2978359013796,
  "summary_wm_p95": 1099.2023208886385,
  "summary_wm_stdv": 62.03239634799956,
  "tpm_overlap_csf": 0.16502898931503296,
  "tpm_overlap_gm": 0.4367753267288208,
  "tpm_overlap_wm": 0.49556484818458557,
  "wm2max": 0.5098276695923774
}