{
  "aor": 0.0010702693602693601,
  "aqi": 0.007132864545454545,
  "bids_meta": {
    "CogAtlasID": "https://www.cognitiveatlas.org/task/id/trm_4c8991fadfe01",
    "DeviceSerialNumber": "45031",
    "DwellTime": 5.4e-06,
    "EchoTime": 0.028,
    "EffectiveEchoSpacing": 0.000390001,
    "FlipAngle": 64,
    "InstitutionAddress": "Washington Rd, Princeton, NJ 08540, USA",
    "InstitutionName": "Princeton University",
    "InstitutionalDepartmentName": "Princeton Neuroscience Institute",
    "MagneticFieldStrength": 3,
    "Manufacturer": "Siemens",
    "ManufacturersModelName": "Skyra",
    "NumberOfVolumesDiscardedByScanner": 3,
    "ParallelReductionFactorInPlane": 2,
    "ParallelReductionType": "GRAPPA",
    "PartialFourier": 1,
    "PhaseEncodingDirection": "j-",
    "PixelBandwidth": 1445,
    "PulseSequenceDetails": "%SiemensSeq%_ep2d_bold",
    "PulseSequenceType": "Gradient Echo EPI",
    "ReceiveCoilActiveElements": "HE1-4",
    "ReceiveCoilName": "HeadNeck_20",
    "RepetitionTime": 1.5,
    "ScanOptions": "FS",
    "ScanningSequence": "EP",
    "SequenceName": "_epfid2d1_64",
    "SequenceVariant": "SK",
    "SliceTiming": [
      0,
      0.7775,
      0.055,
      0.8325,
      0.11,
      0.8875,
      0.165,
      0.9425,
      0.22,
      0.9975,
      0.2775,
      1.055,
      0.3325,
      1.11,
      0.3875,
      1.165,
      0.4425,
      1.22,
      0.5,
      1.2775,
      0.555,
      1.3325,
      0.61,
      1.3875,
      0.665,
      1.4425,
      0.72
    ],
    "SoftwareVersions": "syngo_MR_D11",
    "StationName": "AWP45031",
    "TaskDescription": "Passively listened to audio story 'milkyway'",
    "TaskName": "milkyway",
    "TotalReadoutTime": 0.0245701,
    "dataset": "ds002345",
    "modality": "bold",
    "subject_id": "081",
    "task_id": "milkyway"
  },
  "dummy_trs": 0,
  "dvars_nstd": 24.25379941908785,
  "dvars_std": 1.2845911103716212,
  "dvars_vstd": 1.0067155755405404,
  "efc": 0.6603900588694961,
  "fber": 528.6507568359375,
  "fd_mean": 0.07235041687153485,
  "fd_num": 2,
  "fd_perc": 0.6734006734006734,
  "fwhm_avg": 1.8020923863635288,
  "fwhm_x": 1.7389866666666667,
  "fwhm_y": 2.01499,
  "fwhm_z": 1.6523004924239197,
  "gcor": 0.0530475,
  "gsr_x": -0.01117254700511694,
  "gsr_y": 0.06083165481686592,
  "provenance": {
    "md5sum": "bbcdce69ad05e7ca53682239eced0171",
    "settings": {
      "fd_thres": 0.2,
      "testing": false
    },
    "software": "mriqc",
    "version": "21.0.0rc2",
    "webapi_port": null,
    "webapi_url": "https://mriqc.nimh.nih.gov/api/v1"
  },
  "size_t": 297,
  "size_x": 64,
  "size_y": 64,
  "size_z": 27,
  "snr": 6.582201421716014,
  "spacing_tr": 1.5,
  "spacing_x": 3.0,
  "spacing_y": 3.0,
  "spacing_z": 3.9999988079071045,
  "summary_bg_k": 9.85626970036137,
  "summary_bg_mad": 28.783448074118304,
  "summary_bg_mean": 74.41004943847656,
  "summary_bg_median": 30.1616153717041,
  "summary_bg_n": 48845.0,
  "summary_bg_p05": 8.630302619934083,
  "summary_bg_p95": 318.0404052734375,
  "summary_bg_stdv": 106.10890197753906,
  "summary_fg_k": 1.7573113740085908,
  "summary_fg_mad": 111.7767511326916,
  "summary_fg_mean": 768.8136596679688,
  "summary_fg_median": 761.04541015625,
  "summary_fg_n": 32204.0,
  "summary_fg_p05": 605.828759765625,
  "summary_fg_p95": 961.9816345214844,
  "summary_fg_stdv": 115.61991882324219,
  "tsnr": 64.84724069945514
}