{
  "aor": 0.0009542315789473684,
  "aqi": 0.00617791014736842,
  "bids_meta": {
    "CogAtlasID": "https://www.cognitiveatlas.org/task/id/trm_4c8991fadfe01",
    "DeviceSerialNumber": "45031",
    "DwellTime": 5.4e-06,
    "EchoTime": 0.028,
    "EffectiveEchoSpacing": 0.000390001,
    "FlipAngle": 64,
    "InstitutionAddress": "Washington Rd, Princeton, NJ 08540, USA",
    "InstitutionName": "Princeton University",
    "InstitutionalDepartmentName": "Princeton Neuroscience Institute",
    "MagneticFieldStrength": 3,
    "Manufacturer": "Siemens",
    "ManufacturersModelName": "Skyra",
    "NumberOfVolumesDiscardedByScanner": 3,
    "ParallelReductionFactorInPlane": 2,
    "ParallelReductionType": "GRAPPA",
    "PartialFourier": 1,
    "PhaseEncodingDirection": "j-",
    "PixelBandwidth": 1445,
    "PulseSequenceDetails": "%SiemensSeq%_ep2d_bold",
    "PulseSequenceType": "Gradient Echo EPI",
    "ReceiveCoilActiveElements": "HE1-4",
    "ReceiveCoilName": "HeadNeck_20",
    "RepetitionTime": 1.5,
    "ScanOptions": "FS",
    "ScanningSequence": "EP",
    "SequenceName": "_epfid2d1_64",
    "SequenceVariant": "SK",
    "SliceTiming": [
      0,
      0.7775,
      0.055,
      0.8325,
      0.11,
      0.8875,
      0.165,
      0.9425,
      0.22,
      0.9975,
      0.2775,
      1.055,
      0.3325,
      1.11,
      0.3875,
      1.165,
      0.4425,
      1.22,
      0.5,
      1.2775,
      0.555,
      1.3325,
      0.61,
      1.3875,
      0.665,
      1.4425,
      0.72
    ],
    "SoftwareVersions": "syngo_MR_D11",
    "StationName": "AWP45031",
    "TaskDescription": "Passively listened to audio story 'prettymouth'",
    "TaskName": "prettymouth",
    "TotalReadoutTime": 0.0245701,
    "dataset": "ds002345",
    "modality": "bold",
    "subject_id": "081",
    "task_id": "prettymouth"
  },
  "dummy_trs": 0,
  "dvars_nstd": 26.065142361940932,
  "dvars_std": 1.3522437387130792,
  "dvars_vstd": 1.0025293370675101,
  "efc": 0.6633183071465772,
  "fber": 495.9803466796875,
  "fd_mean": 0.09194176220846983,
  "fd_num": 3,
  "fd_perc": 0.631578947368421,
  "fwhm_avg": 1.7912396065219396,
  "fwhm_x": 1.7462900000000001,
  "fwhm_y": 1.9959033333333334,
  "fwhm_z": 1.631525486232485,
  "gcor": 0.062452,
  "gsr_x": -0.010138948448002338,
  "gsr_y": 0.06254119426012039,
  "provenance": {
    "md5sum": "b1f1134f01497c770c30c2f1a0bc9d63",
    "settings": {
      "fd_thres": 0.2,
      "testing": false
    },
    "software": "mriqc",
    "version": "21.0.0rc2",
    "webapi_port": null,
    "webapi_url": "https://mriqc.nimh.nih.gov/api/v1"
  },
  "size_t": 475,
  "size_x": 64,
  "size_y": 64,
  "size_z": 27,
  "snr": 6.573115154913386,
  "spacing_tr": 1.5,
  "spacing_x": 3.0,
  "spacing_y": 3.0,
  "spacing_z": 3.9999988079071045,
  "summary_bg_k": 9.043520610304594,
  "summary_bg_mad": 30.394900790987798,
  "summary_bg_mean": 77.80461120605469,
  "summary_bg_median": 31.336841583251953,
  "summary_bg_n": 48853.0,
  "summary_bg_p05": 8.743157386779785,
  "summary_bg_p95": 334.47366333007824,
  "summary_bg_stdv": 110.12516784667969,
  "summary_fg_k": 1.7215809930865618,
  "summary_fg_mad": 111.7320034033794,
  "summary_fg_mean": 770.1808471679688,
  "summary_fg_median": 761.52001953125,
  "summary_fg_n": 32266.0,
  "summary_fg_p05": 607.483642578125,
  "summary_fg_p95": 964.6352386474609,
  "summary_fg_stdv": 115.8519515991211,
  "tsnr": 66.13464322546497
}