{
  "aor": 0.0019231666666666666,
  "aqi": 0.007104515466666667,
  "bids_meta": {
    "CogAtlasID": "https://www.cognitiveatlas.org/task/id/trm_4c8991fadfe01",
    "DeviceSerialNumber": "45031",
    "DwellTime": 5.4e-06,
    "EchoTime": 0.028,
    "EffectiveEchoSpacing": 0.000390001,
    "FlipAngle": 64,
    "InstitutionAddress": "Washington Rd, Princeton, NJ 08540, USA",
    "InstitutionName": "Princeton University",
    "InstitutionalDepartmentName": "Princeton Neuroscience Institute",
    "MagneticFieldStrength": 3,
    "Manufacturer": "Siemens",
    "ManufacturersModelName": "Skyra",
    "NumberOfVolumesDiscardedByScanner": 3,
    "ParallelReductionFactorInPlane": 2,
    "ParallelReductionType": "GRAPPA",
    "PartialFourier": 1,
    "PhaseEncodingDirection": "j-",
    "PixelBandwidth": 1445,
    "PulseSequenceDetails": "%SiemensSeq%_ep2d_bold",
    "PulseSequenceType": "Gradient Echo EPI",
    "ReceiveCoilActiveElements": "HE1-4",
    "ReceiveCoilName": "HeadNeck_20",
    "RepetitionTime": 1.5,
    "ScanOptions": "FS",
    "ScanningSequence": "EP",
    "SequenceName": "_epfid2d1_64",
    "SequenceVariant": "SK",
    "SliceTiming": [
      0,
      0.7775,
      0.055,
      0.8325,
      0.11,
      0.89,
      0.1675,
      0.945,
      0.2225,
      1,
      0.2775,
      1.055,
      0.3325,
      1.11,
      0.39,
      1.1675,
      0.445,
      1.2225,
      0.5,
      1.2775,
      0.555,
      1.3325,
      0.61,
      1.3875,
      0.6675,
      1.445,
      0.7225
    ],
    "SoftwareVersions": "syngo_MR_D11",
    "StationName": "AWP45031",
    "TaskDescription": "Passively listened to audio story 'pieman'",
    "TaskName": "pieman",
    "TotalReadoutTime": 0.0245701,
    "dataset": "ds002345",
    "modality": "bold",
    "subject_id": "081",
    "task_id": "pieman"
  },
  "dummy_trs": 0,
  "dvars_nstd": 25.991119952541805,
  "dvars_std": 1.3460978244481596,
  "dvars_vstd": 1.0211218403010038,
  "efc": 0.6635253320177522,
  "fber": 628.9830932617188,
  "fd_mean": 0.11229975779811542,
  "fd_num": 17,
  "fd_perc": 5.666666666666667,
  "fwhm_avg": 1.782321388888889,
  "fwhm_x": 1.7479633333333335,
  "fwhm_y": 1.9486433333333333,
  "fwhm_z": 1.6503575,
  "gcor": 0.0810984,
  "gsr_x": -0.003413182683289051,
  "gsr_y": 0.04172269254922867,
  "provenance": {
    "md5sum": "9846ff42050a16fada570ea12b58140a",
    "settings": {
      "fd_thres": 0.2,
      "testing": false
    },
    "software": "mriqc",
    "version": "21.0.0rc2",
    "webapi_port": null,
    "webapi_url": "https://mriqc.nimh.nih.gov/api/v1"
  },
  "size_t": 300,
  "size_x": 64,
  "size_y": 64,
  "size_z": 27,
  "snr": 6.907141217237663,
  "spacing_tr": 1.5,
  "spacing_x": 3.0,
  "spacing_y": 3.0,
  "spacing_z": 4.0,
  "summary_bg_k": 10.93004531672436,
  "summary_bg_mad": 26.01966780363759,
  "summary_bg_mean": 77.75399780273438,
  "summary_bg_median": 28.883333206176758,
  "summary_bg_n": 48254.0,
  "summary_bg_p05": 9.15000057220459,
  "summary_bg_p95": 344.2676773071286,
  "summary_bg_stdv": 116.17560577392578,
  "summary_fg_k": 1.6472381469474202,
  "summary_fg_mad": 112.95946664757614,
  "summary_fg_mean": 817.5838012695312,
  "summary_fg_median": 808.9967041015625,
  "summary_fg_n": 32797.0,
  "summary_fg_p05": 651.1693725585938,
  "summary_fg_p95": 1013.702014160156,
  "summary_fg_stdv": 117.12289428710938,
  "tsnr": 65.11616267962381
}