{
  "aor": 0.0039386451612903215,
  "aqi": 0.009760548387096776,
  "bids_meta": {
    "CogAtlasID": "https://www.cognitiveatlas.org/task/id/trm_4c8991fadfe01",
    "DeviceSerialNumber": "66018",
    "DwellTime": 4.2e-06,
    "EchoTime": 0.039,
    "EffectiveEchoSpacing": 0.000929976,
    "FlipAngle": 50,
    "InstitutionAddress": "Washington Rd, Princeton, NJ 08540, USA",
    "InstitutionName": "Princeton University",
    "InstitutionalDepartmentName": "Princeton Neuroscience Institute",
    "MagneticFieldStrength": 3,
    "Manufacturer": "Siemens",
    "ManufacturersModelName": "Prisma",
    "NumberOfVolumesDiscardedByScanner": 3,
    "ParallelReductionType": "GRAPPA",
    "PartialFourier": 0.75,
    "PhaseEncodingDirection": "j-",
    "PixelBandwidth": 1240,
    "PulseSequenceDetails": "%CustomerSeq%_ep2d_bold_sms_mgh_v22",
    "PulseSequenceType": "Gradient Echo EPI",
    "ReceiveCoilActiveElements": "HC1-7;NC1,2",
    "ReceiveCoilName": "HeadNeck_64",
    "RepetitionTime": 1.5,
    "ScanOptions": "PFP_FS",
    "ScanningSequence": "EP",
    "SequenceName": "epfSM2d1_96",
    "SequenceVariant": "SK",
    "SliceTiming": [
      0.6925,
      0,
      0.79,
      0.1,
      0.8875,
      0.1975,
      0.9875,
      0.2975,
      1.085,
      0.395,
      1.185,
      0.495,
      1.2825,
      0.5925,
      1.3825,
      0.6925,
      0,
      0.79,
      0.1,
      0.8875,
      0.1975,
      0.9875,
      0.2975,
      1.085,
      0.395,
      1.185,
      0.495,
      1.2825,
      0.5925,
      1.3825,
      0.6925,
      0,
      0.79,
      0.1,
      0.8875,
      0.1975,
      0.9875,
      0.2975,
      1.085,
      0.395,
      1.185,
      0.495,
      1.2825,
      0.5925,
      1.3825,
      0.6925,
      0,
      0.79,
      0.1,
      0.8875,
      0.1975,
      0.9875,
      0.2975,
      1.085,
      0.395,
      1.185,
      0.495,
      1.2825,
      0.5925,
      1.3825
    ],
    "SoftwareVersions": "syngo_MR_D13D",
    "StationName": "AWP66018",
    "TaskDescription": "Passively listened to audio story 'shapessocial'",
    "TaskName": "shapessocial",
    "TotalReadoutTime": 0.0883478,
    "dataset": "ds002345",
    "modality": "bold",
    "subject_id": "226",
    "task_id": "shapessocial"
  },
  "dummy_trs": 0,
  "dvars_nstd": 35.00564177029128,
  "dvars_std": 1.0484857179288027,
  "dvars_vstd": 1.0015425557605175,
  "efc": 0.5943948029995617,
  "fber": 341.64117431640625,
  "fd_mean": 0.18225250290965048,
  "fd_num": 67,
  "fd_perc": 21.612903225806452,
  "fwhm_avg": 2.969433333333333,
  "fwhm_x": 2.784735,
  "fwhm_y": 3.12322,
  "fwhm_z": 3.000345,
  "gcor": 0.0116147,
  "gsr_x": -0.010410069487988949,
  "gsr_y": 0.06898151338100433,
  "provenance": {
    "md5sum": "ee079ebbbcc68c620cd7075300d91387",
    "settings": {
      "fd_thres": 0.2,
      "testing": false
    },
    "software": "mriqc",
    "version": "22.0.0rc1",
    "webapi_port": null,
    "webapi_url": "https://mriqc.nimh.nih.gov/api/v1"
  },
  "size_t": 310,
  "size_x": 96,
  "size_y": 96,
  "size_z": 60,
  "snr": 2.3612666576773873,
  "spacing_tr": 1.5,
  "spacing_x": 2.0,
  "spacing_y": 2.0,
  "spacing_z": 2.0,
  "summary_bg_k": 39.34329473058496,
  "summary_bg_mad": 6.351276199195192,
  "summary_bg_mean": 40.54654312133789,
  "summary_bg_median": 25.641935348510742,
  "summary_bg_n": 306535.0,
  "summary_bg_p05": 20.041934967041016,
  "summary_bg_p95": 112.81064529418941,
  "summary_bg_stdv": 42.714622497558594,
  "summary_fg_k": 1.8832104511541523,
  "summary_fg_mad": 189.2470153653673,
  "summary_fg_mean": 523.139404296875,
  "summary_fg_median": 490.1419372558594,
  "summary_fg_n": 158151.0,
  "summary_fg_p05": 257.07904052734375,
  "summary_fg_p95": 910.1580505371094,
  "summary_fg_stdv": 207.5751953125,
  "tsnr": 33.119526570662856
}