{
  "aor": 0.005509774193548386,
  "aqi": 0.014564470806451612,
  "bids_meta": {
    "CogAtlasID": "https://www.cognitiveatlas.org/task/id/trm_4c8991fadfe01",
    "DeviceSerialNumber": "66018",
    "DwellTime": 4.2e-06,
    "EchoTime": 0.039,
    "EffectiveEchoSpacing": 0.000929976,
    "FlipAngle": 50,
    "InstitutionAddress": "Washington Rd, Princeton, NJ 08540, USA",
    "InstitutionName": "Princeton University",
    "InstitutionalDepartmentName": "Princeton Neuroscience Institute",
    "MagneticFieldStrength": 3,
    "Manufacturer": "Siemens",
    "ManufacturersModelName": "Prisma",
    "NumberOfVolumesDiscardedByScanner": 3,
    "ParallelReductionType": "GRAPPA",
    "PartialFourier": 0.75,
    "PhaseEncodingDirection": "j-",
    "PixelBandwidth": 1240,
    "PulseSequenceDetails": "%CustomerSeq%_ep2d_bold_sms_mgh_v22",
    "PulseSequenceType": "Gradient Echo EPI",
    "ReceiveCoilActiveElements": "HC1-7;NC1,2",
    "ReceiveCoilName": "HeadNeck_64",
    "RepetitionTime": 1.5,
    "ScanOptions": "PFP_FS",
    "ScanningSequence": "EP",
    "SequenceName": "epfSM2d1_96",
    "SequenceVariant": "SK",
    "SliceTiming": [
      0.6925,
      0,
      0.79,
      0.1,
      0.8875,
      0.1975,
      0.9875,
      0.2975,
      1.085,
      0.395,
      1.185,
      0.495,
      1.2825,
      0.5925,
      1.3825,
      0.6925,
      0,
      0.79,
      0.1,
      0.8875,
      0.1975,
      0.9875,
      0.2975,
      1.085,
      0.395,
      1.185,
      0.495,
      1.2825,
      0.5925,
      1.3825,
      0.6925,
      0,
      0.79,
      0.1,
      0.8875,
      0.1975,
      0.9875,
      0.2975,
      1.085,
      0.395,
      1.185,
      0.495,
      1.2825,
      0.5925,
      1.3825,
      0.6925,
      0,
      0.79,
      0.1,
      0.8875,
      0.1975,
      0.9875,
      0.2975,
      1.085,
      0.395,
      1.185,
      0.495,
      1.2825,
      0.5925,
      1.3825
    ],
    "SoftwareVersions": "syngo_MR_D13D",
    "StationName": "AWP66018",
    "TaskDescription": "Passively listened to audio story 'shapesphysical'",
    "TaskName": "shapesphysical",
    "TotalReadoutTime": 0.0883478,
    "dataset": "ds002345",
    "modality": "bold",
    "subject_id": "226",
    "task_id": "shapesphysical"
  },
  "dummy_trs": 0,
  "dvars_nstd": 42.26391870676374,
  "dvars_std": 1.0350514040129448,
  "dvars_vstd": 0.997036611844661,
  "efc": 0.6330552295403878,
  "fber": 98.0010757446289,
  "fd_mean": 0.2433481049595882,
  "fd_num": 69,
  "fd_perc": 22.258064516129032,
  "fwhm_avg": 3.0083516666666665,
  "fwhm_x": 2.81864,
  "fwhm_y": 3.17867,
  "fwhm_z": 3.027745,
  "gcor": 0.0298208,
  "gsr_x": -0.007760968059301376,
  "gsr_y": 0.060172129422426224,
  "provenance": {
    "md5sum": "887965586259a423c3201f606d2d2435",
    "settings": {
      "fd_thres": 0.2,
      "testing": false
    },
    "software": "mriqc",
    "version": "22.0.0rc1",
    "webapi_port": null,
    "webapi_url": "https://mriqc.nimh.nih.gov/api/v1"
  },
  "size_t": 310,
  "size_x": 96,
  "size_y": 96,
  "size_z": 60,
  "snr": 2.3434879461409164,
  "spacing_tr": 1.5,
  "spacing_x": 2.0,
  "spacing_y": 2.0,
  "spacing_z": 2.0,
  "summary_bg_k": 40.22675375726824,
  "summary_bg_mad": 10.148651533990423,
  "summary_bg_mean": 59.593597412109375,
  "summary_bg_median": 48.33225631713867,
  "summary_bg_n": 305668.0,
  "summary_bg_p05": 36.293548583984375,
  "summary_bg_p95": 125.63871002197266,
  "summary_bg_stdv": 40.211692810058594,
  "summary_fg_k": 1.9575563020351616,
  "summary_fg_mad": 191.09547212302195,
  "summary_fg_mean": 525.5374145507812,
  "summary_fg_median": 492.2903137207031,
  "summary_fg_n": 159486.0,
  "summary_fg_p05": 254.27418518066406,
  "summary_fg_p95": 916.7265930175781,
  "summary_fg_stdv": 210.0666961669922,
  "tsnr": 24.99331246665679
}