{
  "aor": 0.0011744230769230768,
  "aqi": 0.004675967756410256,
  "bids_meta": {
    "CogAtlasID": "https://www.cognitiveatlas.org/task/id/trm_4c8991fadfe01",
    "DeviceSerialNumber": "66018",
    "DwellTime": 4.2e-06,
    "EchoTime": 0.039,
    "EffectiveEchoSpacing": 0.000929976,
    "FlipAngle": 50,
    "InstitutionAddress": "Washington Rd, Princeton, NJ 08540, USA",
    "InstitutionName": "Princeton University",
    "InstitutionalDepartmentName": "Princeton Neuroscience Institute",
    "MagneticFieldStrength": 3,
    "Manufacturer": "Siemens",
    "ManufacturersModelName": "Prisma",
    "NumberOfVolumesDiscardedByScanner": 3,
    "ParallelReductionType": "GRAPPA",
    "PartialFourier": 0.75,
    "PhaseEncodingDirection": "j-",
    "PixelBandwidth": 1240,
    "PulseSequenceDetails": "%CustomerSeq%_ep2d_bold_sms_mgh_v22",
    "PulseSequenceType": "Gradient Echo EPI",
    "ReceiveCoilActiveElements": "HC1-7;NC1,2",
    "ReceiveCoilName": "HeadNeck_64",
    "RepetitionTime": 1.5,
    "ScanOptions": "PFP_FS",
    "ScanningSequence": "EP",
    "SequenceName": "epfSM2d1_96",
    "SequenceVariant": "SK",
    "SliceTiming": [
      0.6925,
      0,
      0.79,
      0.1,
      0.8875,
      0.1975,
      0.9875,
      0.2975,
      1.085,
      0.395,
      1.185,
      0.495,
      1.2825,
      0.5925,
      1.3825,
      0.6925,
      0,
      0.79,
      0.1,
      0.8875,
      0.1975,
      0.9875,
      0.2975,
      1.085,
      0.395,
      1.185,
      0.495,
      1.2825,
      0.5925,
      1.3825,
      0.6925,
      0,
      0.79,
      0.1,
      0.8875,
      0.1975,
      0.9875,
      0.2975,
      1.085,
      0.395,
      1.185,
      0.495,
      1.2825,
      0.5925,
      1.3825,
      0.6925,
      0,
      0.79,
      0.1,
      0.8875,
      0.1975,
      0.9875,
      0.2975,
      1.085,
      0.395,
      1.185,
      0.495,
      1.2825,
      0.5925,
      1.3825
    ],
    "SoftwareVersions": "syngo_MR_D13D",
    "StationName": "AWP66018",
    "TaskDescription": "Passively listened to audio story 'shapessocial'",
    "TaskName": "shapessocial",
    "TotalReadoutTime": 0.0883478,
    "dataset": "ds002345",
    "modality": "bold",
    "subject_id": "248",
    "task_id": "shapessocial"
  },
  "dummy_trs": 1,
  "dvars_nstd": 38.04754540553057,
  "dvars_std": 1.1348315466881032,
  "dvars_vstd": 1.0064492927974278,
  "efc": 0.600415573909208,
  "fber": 295.2923889160156,
  "fd_mean": 0.15500796389443383,
  "fd_num": 68,
  "fd_perc": 21.794871794871796,
  "fwhm_avg": 2.82997,
  "fwhm_x": 2.596085,
  "fwhm_y": 3.0712,
  "fwhm_z": 2.822625,
  "gcor": 0.00936979,
  "gsr_x": 0.005023286212235689,
  "gsr_y": 0.046255361288785934,
  "provenance": {
    "md5sum": "47d44bda55007429b3a4b0b0fda10f3e",
    "settings": {
      "fd_thres": 0.2,
      "testing": false
    },
    "software": "mriqc",
    "version": "22.0.0rc1",
    "webapi_port": null,
    "webapi_url": "https://mriqc.nimh.nih.gov/api/v1"
  },
  "size_t": 312,
  "size_x": 96,
  "size_y": 96,
  "size_z": 60,
  "snr": 2.413150963259237,
  "spacing_tr": 1.5,
  "spacing_x": 2.0,
  "spacing_y": 2.0,
  "spacing_z": 2.0,
  "summary_bg_k": 49.40274026009042,
  "summary_bg_mad": 7.921467912627232,
  "summary_bg_mean": 41.384674072265625,
  "summary_bg_median": 26.637821197509766,
  "summary_bg_n": 304616.0,
  "summary_bg_p05": 19.964744567871094,
  "summary_bg_p95": 111.25160217285156,
  "summary_bg_stdv": 44.359771728515625,
  "summary_fg_k": 2.3917787072922376,
  "summary_fg_mad": 173.89691537583892,
  "summary_fg_mean": 500.8208923339844,
  "summary_fg_median": 471.5609130859375,
  "summary_fg_n": 159569.0,
  "summary_fg_p05": 248.9147491455078,
  "summary_fg_p95": 857.1525878906251,
  "summary_fg_stdv": 195.41232299804688,
  "tsnr": 43.31677633454092
}