{
  "aor": 0.0010109333333333333,
  "aqi": 0.009317086933333335,
  "bids_meta": {
    "CogAtlasID": "https://www.cognitiveatlas.org/task/id/trm_4c8991fadfe01",
    "DeviceSerialNumber": "45031",
    "DwellTime": 5.4e-06,
    "EchoTime": 0.028,
    "EffectiveEchoSpacing": 0.000390001,
    "FlipAngle": 64,
    "InstitutionAddress": "Washington Rd, Princeton, NJ 08540, USA",
    "InstitutionName": "Princeton University",
    "InstitutionalDepartmentName": "Princeton Neuroscience Institute",
    "MagneticFieldStrength": 3,
    "Manufacturer": "Siemens",
    "ManufacturersModelName": "Skyra",
    "NumberOfVolumesDiscardedByScanner": 3,
    "ParallelReductionFactorInPlane": 2,
    "ParallelReductionType": "GRAPPA",
    "PartialFourier": 1,
    "PhaseEncodingDirection": "j-",
    "PixelBandwidth": 1445,
    "PulseSequenceDetails": "%SiemensSeq%_ep2d_bold",
    "PulseSequenceType": "Gradient Echo EPI",
    "ReceiveCoilActiveElements": "HE1-4",
    "ReceiveCoilName": "HeadNeck_20",
    "RepetitionTime": 1.5,
    "ScanOptions": "FS",
    "ScanningSequence": "EP",
    "SequenceName": "_epfid2d1_64",
    "SequenceVariant": "SK",
    "SliceTiming": [
      0,
      0.7775,
      0.055,
      0.8325,
      0.11,
      0.89,
      0.1675,
      0.945,
      0.2225,
      1,
      0.2775,
      1.055,
      0.3325,
      1.11,
      0.39,
      1.1675,
      0.445,
      1.2225,
      0.5,
      1.2775,
      0.555,
      1.3325,
      0.61,
      1.3875,
      0.6675,
      1.445,
      0.7225
    ],
    "SoftwareVersions": "syngo_MR_D11",
    "StationName": "AWP45031",
    "TaskDescription": "Passively listened to audio story 'pieman'",
    "TaskName": "pieman",
    "TotalReadoutTime": 0.0245701,
    "dataset": "ds002345",
    "modality": "bold",
    "run_id": 2,
    "subject_id": "014",
    "task_id": "pieman"
  },
  "dummy_trs": 0,
  "dvars_nstd": 25.97800053862875,
  "dvars_std": 1.3271335822408012,
  "dvars_vstd": 1.0079602117391302,
  "efc": 0.6128446953485887,
  "fber": 1699.6492919921875,
  "fd_mean": 0.15593121825790152,
  "fd_num": 68,
  "fd_perc": 22.666666666666668,
  "fwhm_avg": 1.7793470258065105,
  "fwhm_x": 1.7396866666666666,
  "fwhm_y": 1.9507,
  "fwhm_z": 1.647654410752865,
  "gcor": 0.0650738,
  "gsr_x": -0.004974746610969305,
  "gsr_y": 0.05280525982379913,
  "provenance": {
    "md5sum": "dbcead17b01ab427692017ce1b0bbd45",
    "settings": {
      "fd_thres": 0.2,
      "testing": false
    },
    "software": "mriqc",
    "version": "21.0.0rc2",
    "webapi_port": null,
    "webapi_url": "https://mriqc.nimh.nih.gov/api/v1"
  },
  "size_t": 300,
  "size_x": 64,
  "size_y": 64,
  "size_z": 27,
  "snr": 7.432290403560694,
  "spacing_tr": 1.5,
  "spacing_x": 3.0,
  "spacing_y": 3.0,
  "spacing_z": 4.000001430511475,
  "summary_bg_k": 16.18811063941857,
  "summary_bg_mad": 12.829450273707632,
  "summary_bg_mean": 55.02967071533203,
  "summary_bg_median": 18.123332977294922,
  "summary_bg_n": 53722.0,
  "summary_bg_p05": 7.826666831970215,
  "summary_bg_p95": 240.48100433349595,
  "summary_bg_stdv": 93.55889129638672,
  "summary_fg_k": 2.701231684125596,
  "summary_fg_mad": 96.10975215822629,
  "summary_fg_mean": 786.02880859375,
  "summary_fg_median": 777.0050048828125,
  "summary_fg_n": 28994.0,
  "summary_fg_p05": 644.1331756591796,
  "summary_fg_p95": 963.6843292236327,
  "summary_fg_stdv": 104.54268646240234,
  "tsnr": 68.86190008488484
}