{
  "aor": 0.0010100333333333334,
  "aqi": 0.009402320133333333,
  "bids_meta": {
    "CogAtlasID": "https://www.cognitiveatlas.org/task/id/trm_4c8991fadfe01",
    "DeviceSerialNumber": "45031",
    "DwellTime": 5.4e-06,
    "EchoTime": 0.028,
    "EffectiveEchoSpacing": 0.000390001,
    "FlipAngle": 64,
    "InstitutionAddress": "Washington Rd, Princeton, NJ 08540, USA",
    "InstitutionName": "Princeton University",
    "InstitutionalDepartmentName": "Princeton Neuroscience Institute",
    "MagneticFieldStrength": 3,
    "Manufacturer": "Siemens",
    "ManufacturersModelName": "Skyra",
    "NumberOfVolumesDiscardedByScanner": 3,
    "ParallelReductionFactorInPlane": 2,
    "ParallelReductionType": "GRAPPA",
    "PartialFourier": 1,
    "PhaseEncodingDirection": "j-",
    "PixelBandwidth": 1445,
    "PulseSequenceDetails": "%SiemensSeq%_ep2d_bold",
    "PulseSequenceType": "Gradient Echo EPI",
    "ReceiveCoilActiveElements": "HE1-4",
    "ReceiveCoilName": "HeadNeck_20",
    "RepetitionTime": 1.5,
    "ScanOptions": "FS",
    "ScanningSequence": "EP",
    "SequenceName": "_epfid2d1_64",
    "SequenceVariant": "SK",
    "SliceTiming": [
      0,
      0.7775,
      0.055,
      0.8325,
      0.11,
      0.89,
      0.1675,
      0.945,
      0.2225,
      1,
      0.2775,
      1.055,
      0.3325,
      1.11,
      0.39,
      1.1675,
      0.445,
      1.2225,
      0.5,
      1.2775,
      0.555,
      1.3325,
      0.61,
      1.3875,
      0.6675,
      1.445,
      0.7225
    ],
    "SoftwareVersions": "syngo_MR_D11",
    "StationName": "AWP45031",
    "TaskDescription": "Passively listened to audio story 'pieman'",
    "TaskName": "pieman",
    "TotalReadoutTime": 0.0245701,
    "dataset": "ds002345",
    "modality": "bold",
    "run_id": 1,
    "subject_id": "014",
    "task_id": "pieman"
  },
  "dummy_trs": 0,
  "dvars_nstd": 24.02866887872911,
  "dvars_std": 1.2407536671571906,
  "dvars_vstd": 0.9908508881605347,
  "efc": 0.6102879539930023,
  "fber": 1776.2191162109375,
  "fd_mean": 0.13487891639788793,
  "fd_num": 27,
  "fd_perc": 9.0,
  "fwhm_avg": 1.7866736917173904,
  "fwhm_x": 1.7337833333333332,
  "fwhm_y": 1.9722433333333333,
  "fwhm_z": 1.653994408485505,
  "gcor": 0.0167246,
  "gsr_x": -0.0016424637287855148,
  "gsr_y": 0.05010291934013367,
  "provenance": {
    "md5sum": "699ef137f4c80d006cb12942e48c571a",
    "settings": {
      "fd_thres": 0.2,
      "testing": false
    },
    "software": "mriqc",
    "version": "21.0.0rc2",
    "webapi_port": null,
    "webapi_url": "https://mriqc.nimh.nih.gov/api/v1"
  },
  "size_t": 300,
  "size_x": 64,
  "size_y": 64,
  "size_z": 27,
  "snr": 7.254189082560892,
  "spacing_tr": 1.5,
  "spacing_x": 3.0,
  "spacing_y": 3.0,
  "spacing_z": 4.000001430511475,
  "summary_bg_k": 15.822596138440318,
  "summary_bg_mad": 12.587292495771843,
  "summary_bg_mean": 54.674591064453125,
  "summary_bg_median": 17.90999984741211,
  "summary_bg_n": 53857.0,
  "summary_bg_p05": 7.670000076293945,
  "summary_bg_p95": 237.726672363281,
  "summary_bg_stdv": 94.78425598144531,
  "summary_fg_k": 2.756534970804581,
  "summary_fg_mad": 97.70845414762684,
  "summary_fg_mean": 788.4310913085938,
  "summary_fg_median": 778.0067138671875,
  "summary_fg_n": 28868.0,
  "summary_fg_p05": 644.1303588867188,
  "summary_fg_p95": 969.5684997558593,
  "summary_fg_stdv": 107.24744415283203,
  "tsnr": 66.5566981676966
}