{
  "aor": 0.0006129795158286778,
  "aqi": 0.010981279124767224,
  "bids_meta": {
    "CogAtlasID": "https://www.cognitiveatlas.org/task/id/trm_4c8991fadfe01",
    "DeviceSerialNumber": "66018",
    "DwellTime": 4.2e-06,
    "EchoTime": 0.039,
    "EffectiveEchoSpacing": 0.000929976,
    "FlipAngle": 50,
    "InstitutionAddress": "Washington Rd, Princeton, NJ 08540, USA",
    "InstitutionName": "Princeton University",
    "InstitutionalDepartmentName": "Princeton Neuroscience Institute",
    "MagneticFieldStrength": 3,
    "Manufacturer": "Siemens",
    "ManufacturersModelName": "Prisma",
    "NumberOfVolumesDiscardedByScanner": 3,
    "ParallelReductionType": "GRAPPA",
    "PartialFourier": 0.75,
    "PhaseEncodingDirection": "j-",
    "PixelBandwidth": 1240,
    "PulseSequenceDetails": "%CustomerSeq%_ep2d_bold_sms_mgh_v22",
    "PulseSequenceType": "Gradient Echo EPI",
    "ReceiveCoilActiveElements": "HC1-7;NC1,2",
    "ReceiveCoilName": "HeadNeck_64",
    "RepetitionTime": 1.5,
    "ScanOptions": "PFP_FS",
    "ScanningSequence": "EP",
    "SequenceName": "epfSM2d1_96",
    "SequenceVariant": "SK",
    "SliceTiming": [
      0.6925,
      0,
      0.79,
      0.1,
      0.8875,
      0.1975,
      0.9875,
      0.2975,
      1.085,
      0.395,
      1.185,
      0.495,
      1.2825,
      0.5925,
      1.3825,
      0.6925,
      0,
      0.79,
      0.1,
      0.8875,
      0.1975,
      0.9875,
      0.2975,
      1.085,
      0.395,
      1.185,
      0.495,
      1.2825,
      0.5925,
      1.3825,
      0.6925,
      0,
      0.79,
      0.1,
      0.8875,
      0.1975,
      0.9875,
      0.2975,
      1.085,
      0.395,
      1.185,
      0.495,
      1.2825,
      0.5925,
      1.3825,
      0.6925,
      0,
      0.79,
      0.1,
      0.8875,
      0.1975,
      0.9875,
      0.2975,
      1.085,
      0.395,
      1.185,
      0.495,
      1.2825,
      0.5925,
      1.3825
    ],
    "SoftwareVersions": "syngo_MR_D13D",
    "StationName": "AWP66018",
    "TaskDescription": "Passively listened to audio story 'schema'",
    "TaskName": "schema",
    "TotalReadoutTime": 0.0883478,
    "dataset": "ds002345",
    "modality": "bold",
    "run_id": 3,
    "subject_id": "171",
    "task_id": "schema"
  },
  "dummy_trs": 1,
  "dvars_nstd": 47.18170986619405,
  "dvars_std": 1.1425669052425371,
  "dvars_vstd": 1.0006443938805962,
  "efc": 0.5836019687888436,
  "fber": 275.5413513183594,
  "fd_mean": 0.21524219209770612,
  "fd_num": 279,
  "fd_perc": 51.95530726256983,
  "fwhm_avg": 2.7682483333333336,
  "fwhm_x": 2.606805,
  "fwhm_y": 2.875385,
  "fwhm_z": 2.822555,
  "gcor": 0.0166485,
  "gsr_x": -0.007949518971145153,
  "gsr_y": 0.047863226383924484,
  "provenance": {
    "md5sum": "317e8ffeea03cee4ab9371aa6a3f838f",
    "settings": {
      "fd_thres": 0.2,
      "testing": false
    },
    "software": "mriqc",
    "version": "22.0.0rc1",
    "webapi_port": null,
    "webapi_url": "https://mriqc.nimh.nih.gov/api/v1"
  },
  "size_t": 537,
  "size_x": 96,
  "size_y": 96,
  "size_z": 60,
  "snr": 2.214432352567059,
  "spacing_tr": 1.5,
  "spacing_x": 2.0,
  "spacing_y": 2.0,
  "spacing_z": 2.0,
  "summary_bg_k": 121.29895912828388,
  "summary_bg_mad": 6.247910188733318,
  "summary_bg_mean": 38.64920425415039,
  "summary_bg_median": 25.366853713989258,
  "summary_bg_n": 315049.0,
  "summary_bg_p05": 20.26070785522461,
  "summary_bg_p95": 93.9363113403319,
  "summary_bg_stdv": 45.632015228271484,
  "summary_fg_k": 7.003423736887221,
  "summary_fg_mad": 164.9981575074876,
  "summary_fg_mean": 467.9573974609375,
  "summary_fg_median": 431.6732177734375,
  "summary_fg_n": 150580.0,
  "summary_fg_p05": 237.89544219970705,
  "summary_fg_p95": 808.1543853759762,
  "summary_fg_stdv": 194.93563842773438,
  "tsnr": 33.974583996110596
}