{
  "aor": 0.0005034516129032259,
  "aqi": 0.005217999935483871,
  "bids_meta": {
    "CogAtlasID": "https://www.cognitiveatlas.org/task/id/trm_4c8991fadfe01",
    "DeviceSerialNumber": "66018",
    "DwellTime": 4.2e-06,
    "EchoTime": 0.039,
    "EffectiveEchoSpacing": 0.000929976,
    "FlipAngle": 50,
    "InstitutionAddress": "Washington Rd, Princeton, NJ 08540, USA",
    "InstitutionName": "Princeton University",
    "InstitutionalDepartmentName": "Princeton Neuroscience Institute",
    "MagneticFieldStrength": 3,
    "Manufacturer": "Siemens",
    "ManufacturersModelName": "Prisma",
    "NumberOfVolumesDiscardedByScanner": 3,
    "ParallelReductionType": "GRAPPA",
    "PartialFourier": 0.75,
    "PhaseEncodingDirection": "j-",
    "PixelBandwidth": 1240,
    "PulseSequenceDetails": "%CustomerSeq%_ep2d_bold_sms_mgh_v22",
    "PulseSequenceType": "Gradient Echo EPI",
    "ReceiveCoilActiveElements": "HC1-7;NC1,2",
    "ReceiveCoilName": "HeadNeck_64",
    "RepetitionTime": 1.5,
    "ScanOptions": "PFP_FS",
    "ScanningSequence": "EP",
    "SequenceName": "epfSM2d1_96",
    "SequenceVariant": "SK",
    "SliceTiming": [
      0.6925,
      0,
      0.79,
      0.1,
      0.8875,
      0.1975,
      0.9875,
      0.2975,
      1.085,
      0.395,
      1.185,
      0.495,
      1.2825,
      0.5925,
      1.3825,
      0.6925,
      0,
      0.79,
      0.1,
      0.8875,
      0.1975,
      0.9875,
      0.2975,
      1.085,
      0.395,
      1.185,
      0.495,
      1.2825,
      0.5925,
      1.3825,
      0.6925,
      0,
      0.79,
      0.1,
      0.8875,
      0.1975,
      0.9875,
      0.2975,
      1.085,
      0.395,
      1.185,
      0.495,
      1.2825,
      0.5925,
      1.3825,
      0.6925,
      0,
      0.79,
      0.1,
      0.8875,
      0.1975,
      0.9875,
      0.2975,
      1.085,
      0.395,
      1.185,
      0.495,
      1.2825,
      0.5925,
      1.3825
    ],
    "SoftwareVersions": "syngo_MR_D13D",
    "StationName": "AWP66018",
    "TaskDescription": "Passively listened to audio story 'shapesphysical'",
    "TaskName": "shapesphysical",
    "TotalReadoutTime": 0.0883478,
    "dataset": "ds002345",
    "modality": "bold",
    "subject_id": "227",
    "task_id": "shapesphysical"
  },
  "dummy_trs": 1,
  "dvars_nstd": 36.297083345242754,
  "dvars_std": 1.120531356957928,
  "dvars_vstd": 0.9993679988673141,
  "efc": 0.5811927963705673,
  "fber": 313.2696228027344,
  "fd_mean": 0.11880196909606891,
  "fd_num": 13,
  "fd_perc": 4.193548387096774,
  "fwhm_avg": 2.984811666666667,
  "fwhm_x": 2.753975,
  "fwhm_y": 3.19746,
  "fwhm_z": 3.003,
  "gcor": 0.00538608,
  "gsr_x": 0.000840155640617013,
  "gsr_y": 0.048342738300561905,
  "provenance": {
    "md5sum": "191fa39e2074c0676ae0d4d554b71c5b",
    "settings": {
      "fd_thres": 0.2,
      "testing": false
    },
    "software": "mriqc",
    "version": "22.0.0rc1",
    "webapi_port": null,
    "webapi_url": "https://mriqc.nimh.nih.gov/api/v1"
  },
  "size_t": 310,
  "size_x": 96,
  "size_y": 96,
  "size_z": 60,
  "snr": 2.461100854555359,
  "spacing_tr": 1.5,
  "spacing_x": 2.0,
  "spacing_y": 2.0,
  "spacing_z": 2.0,
  "summary_bg_k": 42.24551327145082,
  "summary_bg_mad": 7.236056219585645,
  "summary_bg_mean": 45.196693420410156,
  "summary_bg_median": 26.012903213500977,
  "summary_bg_n": 333716.0,
  "summary_bg_p05": 20.24838638305664,
  "summary_bg_p95": 139.9064483642578,
  "summary_bg_stdv": 53.666419982910156,
  "summary_fg_k": 1.8978888830291876,
  "summary_fg_mad": 173.60797806604347,
  "summary_fg_mean": 507.5335998535156,
  "summary_fg_median": 474.49676513671875,
  "summary_fg_n": 136917.0,
  "summary_fg_p05": 262.457421875,
  "summary_fg_p95": 866.3644897460937,
  "summary_fg_stdv": 192.79788208007812,
  "tsnr": 43.2930447217077
}