{
  "aor": 0.0006086970684039089,
  "aqi": 0.004780469446254071,
  "bids_meta": {
    "CogAtlasID": "https://www.cognitiveatlas.org/task/id/trm_4c8991fadfe01",
    "DeviceSerialNumber": "66018",
    "DwellTime": 4.2e-06,
    "EchoTime": 0.039,
    "EffectiveEchoSpacing": 0.000929976,
    "FlipAngle": 50,
    "InstitutionAddress": "Washington Rd, Princeton, NJ 08540, USA",
    "InstitutionName": "Princeton University",
    "InstitutionalDepartmentName": "Princeton Neuroscience Institute",
    "MagneticFieldStrength": 3,
    "Manufacturer": "Siemens",
    "ManufacturersModelName": "Prisma",
    "NumberOfVolumesDiscardedByScanner": 3,
    "ParallelReductionType": "GRAPPA",
    "PartialFourier": 0.75,
    "PhaseEncodingDirection": "j-",
    "PixelBandwidth": 1240,
    "PulseSequenceDetails": "%CustomerSeq%_ep2d_bold_sms_mgh_v22",
    "PulseSequenceType": "Gradient Echo EPI",
    "ReceiveCoilActiveElements": "HC1-7;NC1,2",
    "ReceiveCoilName": "HeadNeck_64",
    "RepetitionTime": 1.5,
    "ScanOptions": "PFP_FS",
    "ScanningSequence": "EP",
    "SequenceName": "epfSM2d1_96",
    "SequenceVariant": "SK",
    "SliceTiming": [
      0.6925,
      0,
      0.79,
      0.1,
      0.8875,
      0.1975,
      0.9875,
      0.2975,
      1.085,
      0.395,
      1.185,
      0.495,
      1.2825,
      0.5925,
      1.3825,
      0.6925,
      0,
      0.79,
      0.1,
      0.8875,
      0.1975,
      0.9875,
      0.2975,
      1.085,
      0.395,
      1.185,
      0.495,
      1.2825,
      0.5925,
      1.3825,
      0.6925,
      0,
      0.79,
      0.1,
      0.8875,
      0.1975,
      0.9875,
      0.2975,
      1.085,
      0.395,
      1.185,
      0.495,
      1.2825,
      0.5925,
      1.3825,
      0.6925,
      0,
      0.79,
      0.1,
      0.8875,
      0.1975,
      0.9875,
      0.2975,
      1.085,
      0.395,
      1.185,
      0.495,
      1.2825,
      0.5925,
      1.3825
    ],
    "SoftwareVersions": "syngo_MR_D13D",
    "StationName": "AWP66018",
    "TaskDescription": "Passively listened to audio story 'shapessocial'",
    "TaskName": "shapessocial",
    "TotalReadoutTime": 0.0883478,
    "dataset": "ds002345",
    "modality": "bold",
    "subject_id": "227",
    "task_id": "shapessocial"
  },
  "dummy_trs": 2,
  "dvars_nstd": 31.76925447222223,
  "dvars_std": 1.0738163962418303,
  "dvars_vstd": 0.9859418310784318,
  "efc": 0.5724449902651662,
  "fber": 407.7201232910156,
  "fd_mean": 0.12232265849475323,
  "fd_num": 26,
  "fd_perc": 8.469055374592834,
  "fwhm_avg": 2.880556666666667,
  "fwhm_x": 2.709825,
  "fwhm_y": 3.10886,
  "fwhm_z": 2.822985,
  "gcor": 0.0068678,
  "gsr_x": 0.0011436810018494725,
  "gsr_y": 0.05148748680949211,
  "provenance": {
    "md5sum": "a12d4dfc48cbf99c935b6fc4164777e3",
    "settings": {
      "fd_thres": 0.2,
      "testing": false
    },
    "software": "mriqc",
    "version": "22.0.0rc1",
    "webapi_port": null,
    "webapi_url": "https://mriqc.nimh.nih.gov/api/v1"
  },
  "size_t": 307,
  "size_x": 96,
  "size_y": 96,
  "size_z": 60,
  "snr": 2.366844949541211,
  "spacing_tr": 1.5,
  "spacing_x": 2.0,
  "spacing_y": 2.0,
  "spacing_z": 2.0,
  "summary_bg_k": 46.636968603456,
  "summary_bg_mad": 7.128080831041182,
  "summary_bg_mean": 43.60938262939453,
  "summary_bg_median": 25.195438385009766,
  "summary_bg_n": 325168.0,
  "summary_bg_p05": 19.029315948486328,
  "summary_bg_p95": 130.36579208374002,
  "summary_bg_stdv": 53.809871673583984,
  "summary_fg_k": 3.18842331943823,
  "summary_fg_mad": 193.49167004453247,
  "summary_fg_mean": 558.747802734375,
  "summary_fg_median": 521.990234375,
  "summary_fg_n": 143174.0,
  "summary_fg_p05": 282.0781555175781,
  "summary_fg_p95": 963.2563140869141,
  "summary_fg_stdv": 220.5418701171875,
  "tsnr": 45.10211616521701
}