{
  "bids_meta": {
    "DeviceSerialNumber": "45031",
    "DwellTime": 8.2e-06,
    "EchoTime": 0.00308,
    "FlipAngle": 9,
    "InstitutionAddress": "Washington Rd, Princeton, NJ 08540, USA",
    "InstitutionName": "Princeton University",
    "InstitutionalDepartmentName": "Princeton Neuroscience Institute",
    "InversionTime": 0.9,
    "MagneticFieldStrength": 3,
    "Manufacturer": "Siemens",
    "ManufacturersModelName": "Skyra",
    "ParallelReductionFactorInPlane": 2,
    "ParallelReductionType": "GRAPPA",
    "PartialFourier": 1,
    "PixelBandwidth": 240,
    "PulseSequenceDetails": "%SiemensSeq%_tfl",
    "PulseSequenceType": "MPRAGE",
    "ReceiveCoilActiveElements": "HE1-4",
    "ReceiveCoilName": "HeadNeck_20",
    "RepetitionTime": 2.3,
    "ScanOptions": "IR",
    "ScanningSequence": "GR_IR",
    "SequenceName": "_tfl3d1_16ns",
    "SequenceVariant": "SK_SP_MP",
    "SoftwareVersions": "syngo_MR_D11",
    "StationName": "AWP45031",
    "dataset": "ds002345",
    "modality": "T1w",
    "subject_id": "134"
  },
  "cjv": 0.5649869614164582,
  "cnr": 2.393334716391405,
  "efc": 0.6893319214725352,
  "fber": 962.5314738606919,
  "fwhm_avg": 3.2679972085732305,
  "fwhm_x": 3.318266534810601,
  "fwhm_y": 3.379595636363636,
  "fwhm_z": 3.1061294545454543,
  "icvs_csf": 0.1774621794026363,
  "icvs_gm": 0.4488311822434945,
  "icvs_wm": 0.3737066383538692,
  "inu_med": 1.3482780456542969,
  "inu_range": 0.5766972780227662,
  "provenance": {
    "md5sum": "f395d162d5bc580efba9048f47f0a358",
    "settings": {
      "testing": false
    },
    "software": "mriqc",
    "version": "22.0.0rc1",
    "warnings": {
      "large_rot_frame": true,
      "small_air_mask": false
    },
    "webapi_port": null,
    "webapi_url": "https://mriqc.nimh.nih.gov/api/v1"
  },
  "qi_1": 0.0,
  "qi_2": 0.00515251810147038,
  "rpve_csf": 16.7854248046875,
  "rpve_gm": 7.513827659739026,
  "rpve_wm": 10.394360709104726,
  "size_x": 192,
  "size_y": 245,
  "size_z": 207,
  "snr_csf": 2.6348264623044306,
  "snr_gm": 9.306694433906232,
  "snr_total": 8.97081304570318,
  "snr_wm": 14.970918240898872,
  "snrd_csf": 20.987590474978447,
  "snrd_gm": 37.25808236263391,
  "snrd_total": 36.02510668452671,
  "snrd_wm": 49.82964721596778,
  "spacing_x": 0.9000000357627869,
  "spacing_y": 0.859375,
  "spacing_z": 0.859375,
  "summary_bg_k": 12.26040178885499,
  "summary_bg_mad": 13.147521486410387,
  "summary_bg_mean": 22.922642256053738,
  "summary_bg_median": 20.691693127155304,
  "summary_bg_n": 1825786.0,
  "summary_bg_p05": 3.1037539690732956,
  "summary_bg_p95": 48.99497336894274,
  "summary_bg_stdv": 13.99555866139937,
  "summary_csf_k": 0.44382218113007843,
  "summary_csf_mad": 196.39110220325514,
  "summary_csf_mean": 427.16251296393705,
  "summary_csf_median": 421.18680349364877,
  "summary_csf_n": 19364.0,
  "summary_csf_p05": 198.41855730861425,
  "summary_csf_p95": 675.1293023418634,
  "summary_csf_stdv": 159.84958928700212,
  "summary_gm_k": 0.3511804947851238,
  "summary_gm_mad": 76.80343801644734,
  "summary_gm_mean": 749.6282694624364,
  "summary_gm_median": 747.709110930562,
  "summary_gm_n": 39037.0,
  "summary_gm_p05": 621.7114795669913,
  "summary_gm_p95": 886.9494258955119,
  "summary_gm_stdv": 80.33996810046372,
  "summary_wm_k": 0.12217441078181013,
  "summary_wm_mad": 65.73760743205193,
  "summary_wm_mean": 1001.2236932854798,
  "summary_wm_median": 999.9999692738056,
  "summary_wm_n": 318211.0,
  "summary_wm_p05": 893.5116485729814,
  "summary_wm_p95": 1112.9174946248531,
  "summary_wm_stdv": 66.79606300008197,
  "tpm_overlap_csf": 0.1831095963716507,
  "tpm_overlap_gm": 0.4625512659549713,
  "tpm_overlap_wm": 0.4976811408996582,
  "wm2max": 0.47494498489577386
}