{
  "bids_meta": {
    "DeviceSerialNumber": "45031",
    "DwellTime": 8.2e-06,
    "EchoTime": 0.00308,
    "FlipAngle": 9,
    "InstitutionAddress": "Washington Rd, Princeton, NJ 08540, USA",
    "InstitutionName": "Princeton University",
    "InstitutionalDepartmentName": "Princeton Neuroscience Institute",
    "InversionTime": 0.9,
    "MagneticFieldStrength": 3,
    "Manufacturer": "Siemens",
    "ManufacturersModelName": "Skyra",
    "ParallelReductionFactorInPlane": 2,
    "ParallelReductionType": "GRAPPA",
    "PartialFourier": 1,
    "PixelBandwidth": 240,
    "PulseSequenceDetails": "%SiemensSeq%_tfl",
    "PulseSequenceType": "MPRAGE",
    "ReceiveCoilActiveElements": "HE1-4",
    "ReceiveCoilName": "HeadNeck_20",
    "RepetitionTime": 2.3,
    "ScanOptions": "IR",
    "ScanningSequence": "GR_IR",
    "SequenceName": "_tfl3d1_16ns",
    "SequenceVariant": "SK_SP_MP",
    "SoftwareVersions": "syngo_MR_D13",
    "StationName": "AWP45031",
    "dataset": "ds002345",
    "modality": "T1w",
    "subject_id": "157"
  },
  "cjv": 0.40686102704084026,
  "cnr": 3.209140210527242,
  "efc": 0.6591849336429675,
  "fber": 1096.115752797068,
  "fwhm_avg": 3.2911108293546874,
  "fwhm_x": 3.3209889768650527,
  "fwhm_y": 3.438266420289918,
  "fwhm_z": 3.114077090909091,
  "icvs_csf": 0.1704277737024751,
  "icvs_gm": 0.45132195136331543,
  "icvs_wm": 0.37825027493420943,
  "inu_med": 1.4054335355758667,
  "inu_range": 0.5652133285999297,
  "provenance": {
    "md5sum": "6726463c5c310e63c2e51b36bc583afe",
    "settings": {
      "testing": false
    },
    "software": "mriqc",
    "version": "22.0.0rc1",
    "warnings": {
      "large_rot_frame": true,
      "small_air_mask": false
    },
    "webapi_port": null,
    "webapi_url": "https://mriqc.nimh.nih.gov/api/v1"
  },
  "qi_1": 0.0,
  "qi_2": 0.003248064936318121,
  "rpve_csf": 18.665009747905213,
  "rpve_gm": 8.22525822455302,
  "rpve_wm": 11.556910041289969,
  "size_x": 192,
  "size_y": 256,
  "size_z": 256,
  "snr_csf": 2.174713756429909,
  "snr_gm": 8.932417784581142,
  "snr_total": 8.912048565307783,
  "snr_wm": 15.629014154912294,
  "snrd_csf": 15.852080270231516,
  "snrd_gm": 36.444188759003794,
  "snrd_total": 35.351240615128226,
  "snrd_wm": 53.757452816149375,
  "spacing_x": 0.8999999761581421,
  "spacing_y": 0.8593749403953552,
  "spacing_z": 0.859375,
  "summary_bg_k": 706.6494198151155,
  "summary_bg_mad": 12.187735358961765,
  "summary_bg_mean": 19.062991574968393,
  "summary_bg_median": 16.57916486263275,
  "summary_bg_n": 3035825.0,
  "summary_bg_p05": 2.7631941437721252,
  "summary_bg_p95": 42.34595025330782,
  "summary_bg_stdv": 14.754736070647587,
  "summary_csf_k": 36.275186601039806,
  "summary_csf_mad": 108.05093112356859,
  "summary_csf_mean": 320.508494151259,
  "summary_csf_median": 294.90189499408007,
  "summary_csf_n": 14091.0,
  "summary_csf_p05": 162.75213506817818,
  "summary_csf_p95": 541.5860521793365,
  "summary_csf_stdv": 135.6001127703561,
  "summary_gm_k": 0.3845414342088449,
  "summary_gm_mad": 70.82200840942907,
  "summary_gm_mean": 679.6795316153654,
  "summary_gm_median": 677.9842231012881,
  "summary_gm_n": 59704.0,
  "summary_gm_p05": 557.198099091649,
  "summary_gm_p95": 809.6158841252327,
  "summary_gm_stdv": 75.90089957149345,
  "summary_wm_k": 0.5545706229973715,
  "summary_wm_mad": 60.22175118545813,
  "summary_wm_mean": 997.2834185918712,
  "summary_wm_median": 1000.0690404847264,
  "summary_wm_n": 376312.0,
  "summary_wm_p05": 887.0544000044465,
  "summary_wm_p95": 1096.8499153703451,
  "summary_wm_stdv": 63.98789468068111,
  "tpm_overlap_csf": 0.17788536846637726,
  "tpm_overlap_gm": 0.43980467319488525,
  "tpm_overlap_wm": 0.4865466356277466,
  "wm2max": 0.49254899292324444
}