{
  "aor": 0.0012334736842105262,
  "aqi": 0.011227174114832535,
  "bids_meta": {
    "CogAtlasID": "https://www.cognitiveatlas.org/task/id/trm_4c8991fadfe01",
    "DeviceSerialNumber": "45031",
    "DwellTime": 5.4e-06,
    "EchoTime": 0.028,
    "EffectiveEchoSpacing": 0.000390001,
    "FlipAngle": 64,
    "InstitutionAddress": "Washington Rd, Princeton, NJ 08540, USA",
    "InstitutionName": "Princeton University",
    "InstitutionalDepartmentName": "Princeton Neuroscience Institute",
    "MagneticFieldStrength": 3,
    "Manufacturer": "Siemens",
    "ManufacturersModelName": "Skyra",
    "NumberOfVolumesDiscardedByScanner": 3,
    "ParallelReductionFactorInPlane": 2,
    "ParallelReductionType": "GRAPPA",
    "PartialFourier": 1,
    "PhaseEncodingDirection": "j-",
    "PixelBandwidth": 1445,
    "PulseSequenceDetails": "%SiemensSeq%_ep2d_bold",
    "PulseSequenceType": "Gradient Echo EPI",
    "ReceiveCoilActiveElements": "HE1-4",
    "ReceiveCoilName": "HeadNeck_20",
    "RepetitionTime": 1.5,
    "ScanOptions": "FS",
    "ScanningSequence": "EP",
    "SequenceName": "_epfid2d1_64",
    "SequenceVariant": "SK",
    "SliceTiming": [
      0,
      0.7775,
      0.055,
      0.8325,
      0.1125,
      0.89,
      0.1675,
      0.945,
      0.2225,
      1,
      0.2775,
      1.055,
      0.3325,
      1.11,
      0.39,
      1.1675,
      0.445,
      1.2225,
      0.5,
      1.2775,
      0.555,
      1.3325,
      0.6125,
      1.39,
      0.6675,
      1.445,
      0.7225
    ],
    "SoftwareVersions": "syngo_MR_D11",
    "StationName": "AWP45031",
    "TaskDescription": "Passively listened to audio story 'tunnel'",
    "TaskName": "tunnel",
    "TotalReadoutTime": 0.0245701,
    "dataset": "ds002345",
    "modality": "bold",
    "subject_id": "013",
    "task_id": "tunnel"
  },
  "dummy_trs": 0,
  "dvars_nstd": 21.23405191459772,
  "dvars_std": 1.2197854521743305,
  "dvars_vstd": 0.9611932698371646,
  "efc": 0.608678280307628,
  "fber": 1595.160400390625,
  "fd_mean": 0.11025203040766855,
  "fd_num": 10,
  "fd_perc": 0.9569377990430622,
  "fwhm_avg": 1.7934968798720583,
  "fwhm_x": 1.7384933333333334,
  "fwhm_y": 2.0169799999999998,
  "fwhm_z": 1.6250173062828415,
  "gcor": 0.101984,
  "gsr_x": -0.013537945225834846,
  "gsr_y": 0.05769691243767738,
  "provenance": {
    "md5sum": "dffd76f2707f914be57f6bf45afadd0b",
    "settings": {
      "fd_thres": 0.2,
      "testing": false
    },
    "software": "mriqc",
    "version": "21.0.0rc2",
    "webapi_port": null,
    "webapi_url": "https://mriqc.nimh.nih.gov/api/v1"
  },
  "size_t": 1045,
  "size_x": 64,
  "size_y": 64,
  "size_z": 27,
  "snr": 6.6706680518106305,
  "spacing_tr": 1.5,
  "spacing_x": 3.0,
  "spacing_y": 3.0,
  "spacing_z": 4.000000476837158,
  "summary_bg_k": 18.439375940909958,
  "summary_bg_mad": 13.793876388390174,
  "summary_bg_mean": 50.8865966796875,
  "summary_bg_median": 18.155981063842773,
  "summary_bg_n": 53572.0,
  "summary_bg_p05": 7.141626834869385,
  "summary_bg_p95": 216.75401000976555,
  "summary_bg_stdv": 88.44686126708984,
  "summary_fg_k": 2.295933520661243,
  "summary_fg_mad": 106.21816919445041,
  "summary_fg_mean": 773.45556640625,
  "summary_fg_median": 763.4545288085938,
  "summary_fg_n": 28737.0,
  "summary_fg_p05": 617.30986328125,
  "summary_fg_p95": 968.8985595703124,
  "summary_fg_stdv": 114.44749450683594,
  "tsnr": 59.52935546520166
}