{
  "aor": 0.0026147862068965516,
  "aqi": 0.009755426248275863,
  "bids_meta": {
    "CogAtlasID": "https://www.cognitiveatlas.org/task/id/trm_4c8991fadfe01",
    "DeviceSerialNumber": "45031",
    "DwellTime": 4.9e-06,
    "EchoTime": 0.028,
    "EffectiveEchoSpacing": 0.000355001,
    "FlipAngle": 64,
    "InstitutionAddress": "Washington Rd, Princeton, NJ 08540, USA",
    "InstitutionName": "Princeton University",
    "InstitutionalDepartmentName": "Princeton Neuroscience Institute",
    "MagneticFieldStrength": 3,
    "Manufacturer": "Siemens",
    "ManufacturersModelName": "Skyra",
    "NumberOfVolumesDiscardedByScanner": 3,
    "ParallelReductionFactorInPlane": 2,
    "ParallelReductionType": "GRAPPA",
    "PartialFourier": 1,
    "PhaseEncodingDirection": "j-",
    "PixelBandwidth": 1595,
    "PulseSequenceDetails": "%SiemensSeq%_ep2d_bold",
    "PulseSequenceType": "Gradient Echo EPI",
    "ReceiveCoilActiveElements": "HE1-4",
    "ReceiveCoilName": "HeadNeck_20",
    "RepetitionTime": 1.5,
    "ScanOptions": "FS",
    "ScanningSequence": "EP",
    "SequenceName": "_epfid2d1_64",
    "SequenceVariant": "SK",
    "SliceTiming": [
      0,
      0.7675,
      0.055,
      0.8225,
      0.1075,
      0.875,
      0.1625,
      0.93,
      0.2175,
      0.985,
      0.2725,
      1.04,
      0.3275,
      1.095,
      0.3825,
      1.15,
      0.4375,
      1.205,
      0.4925,
      1.26,
      0.5475,
      1.315,
      0.6025,
      1.37,
      0.6575,
      1.425,
      0.7125
    ],
    "SoftwareVersions": "syngo_MR_D13",
    "StationName": "AWP45031",
    "TaskDescription": "Passively listened to audio story 'sherlock'",
    "TaskName": "sherlock",
    "TotalReadoutTime": 0.022365,
    "dataset": "ds002345",
    "modality": "bold",
    "subject_id": "152",
    "task_id": "sherlock"
  },
  "dummy_trs": 0,
  "dvars_nstd": 23.43502726740334,
  "dvars_std": 1.349434042265194,
  "dvars_vstd": 1.049375894116021,
  "efc": 0.5968762823081234,
  "fber": 2351.949462890625,
  "fd_mean": 0.142384392703477,
  "fd_num": 104,
  "fd_perc": 14.344827586206897,
  "fwhm_avg": 1.6561527777777778,
  "fwhm_x": 1.5808933333333333,
  "fwhm_y": 1.89921,
  "fwhm_z": 1.488355,
  "gcor": 0.0203828,
  "gsr_x": -0.010711824521422386,
  "gsr_y": 0.044800110161304474,
  "provenance": {
    "md5sum": "e4d72e38188465ada02a3cb37b4dbb0f",
    "settings": {
      "fd_thres": 0.2,
      "testing": false
    },
    "software": "mriqc",
    "version": "22.0.0rc1",
    "webapi_port": null,
    "webapi_url": "https://mriqc.nimh.nih.gov/api/v1"
  },
  "size_t": 725,
  "size_x": 64,
  "size_y": 64,
  "size_z": 27,
  "snr": 7.625126739104512,
  "spacing_tr": 1.5,
  "spacing_x": 3.0,
  "spacing_y": 3.0,
  "spacing_z": 4.0,
  "summary_bg_k": 24.231049176756436,
  "summary_bg_mad": 8.020367350891899,
  "summary_bg_mean": 32.01400375366211,
  "summary_bg_median": 13.351724624633789,
  "summary_bg_n": 52501.0,
  "summary_bg_p05": 6.5337934494018555,
  "summary_bg_p95": 116.11172485351562,
  "summary_bg_stdv": 54.494319915771484,
  "summary_fg_k": 3.1933048033399354,
  "summary_fg_mad": 80.90923355707619,
  "summary_fg_mean": 687.6757202148438,
  "summary_fg_median": 681.8924560546875,
  "summary_fg_n": 29159.0,
  "summary_fg_p05": 567.7916076660156,
  "summary_fg_p95": 832.38486328125,
  "summary_fg_stdv": 89.42549896240234,
  "tsnr": 70.50106722163036
}