{
  "aor": 0.0007141666666666667,
  "aqi": 0.0066641739,
  "bids_meta": {
    "CogAtlasID": "https://www.cognitiveatlas.org/task/id/trm_4c8991fadfe01",
    "DeviceSerialNumber": "45031",
    "DwellTime": 5.4e-06,
    "EchoTime": 0.028,
    "EffectiveEchoSpacing": 0.000390001,
    "FlipAngle": 64,
    "InstitutionAddress": "Washington Rd, Princeton, NJ 08540, USA",
    "InstitutionName": "Princeton University",
    "InstitutionalDepartmentName": "Princeton Neuroscience Institute",
    "MagneticFieldStrength": 3,
    "Manufacturer": "Siemens",
    "ManufacturersModelName": "Skyra",
    "NumberOfVolumesDiscardedByScanner": 3,
    "ParallelReductionFactorInPlane": 2,
    "ParallelReductionType": "GRAPPA",
    "PartialFourier": 1,
    "PhaseEncodingDirection": "j-",
    "PixelBandwidth": 1445,
    "PulseSequenceDetails": "%SiemensSeq%_ep2d_bold",
    "PulseSequenceType": "Gradient Echo EPI",
    "ReceiveCoilActiveElements": "HE1-4",
    "ReceiveCoilName": "HeadNeck_20",
    "RepetitionTime": 1.5,
    "ScanOptions": "FS",
    "ScanningSequence": "EP",
    "SequenceName": "_epfid2d1_64",
    "SequenceVariant": "SK",
    "SliceTiming": [
      0,
      0.7775,
      0.055,
      0.8325,
      0.11,
      0.89,
      0.1675,
      0.945,
      0.2225,
      1,
      0.2775,
      1.055,
      0.3325,
      1.11,
      0.39,
      1.1675,
      0.445,
      1.2225,
      0.5,
      1.2775,
      0.555,
      1.3325,
      0.61,
      1.3875,
      0.6675,
      1.445,
      0.7225
    ],
    "SoftwareVersions": "syngo_MR_D11",
    "StationName": "AWP45031",
    "TaskDescription": "Passively listened to audio story 'pieman'",
    "TaskName": "pieman",
    "TotalReadoutTime": 0.0245701,
    "dataset": "ds002345",
    "modality": "bold",
    "subject_id": "021",
    "task_id": "pieman"
  },
  "dummy_trs": 0,
  "dvars_nstd": 17.37300963394649,
  "dvars_std": 1.0556190249163884,
  "dvars_vstd": 0.9829642201337789,
  "efc": 0.5797683790912302,
  "fber": 2246.194580078125,
  "fd_mean": 0.10629806177834196,
  "fd_num": 16,
  "fd_perc": 5.333333333333333,
  "fwhm_avg": 1.8039161111111113,
  "fwhm_x": 1.7640433333333334,
  "fwhm_y": 2.01825,
  "fwhm_z": 1.629455,
  "gcor": 0.0452018,
  "gsr_x": 0.009217333979904652,
  "gsr_y": 0.01062899362295866,
  "provenance": {
    "md5sum": "a548565ad5aaf50994dcbc94bd816d05",
    "settings": {
      "fd_thres": 0.2,
      "testing": false
    },
    "software": "mriqc",
    "version": "21.0.0rc2",
    "webapi_port": null,
    "webapi_url": "https://mriqc.nimh.nih.gov/api/v1"
  },
  "size_t": 300,
  "size_x": 64,
  "size_y": 64,
  "size_z": 27,
  "snr": 7.479639076889269,
  "spacing_tr": 1.5,
  "spacing_x": 3.0,
  "spacing_y": 3.0,
  "spacing_z": 4.0,
  "summary_bg_k": 21.763580394115863,
  "summary_bg_mad": 7.54150386921862,
  "summary_bg_mean": 32.226924896240234,
  "summary_bg_median": 13.480000495910645,
  "summary_bg_n": 55327.0,
  "summary_bg_p05": 6.930000305175781,
  "summary_bg_p95": 118.82600326538082,
  "summary_bg_stdv": 57.02016067504883,
  "summary_fg_k": 1.809250063041798,
  "summary_fg_mad": 83.51003130866735,
  "summary_fg_mean": 677.382568359375,
  "summary_fg_median": 671.8733520507812,
  "summary_fg_n": 26849.0,
  "summary_fg_p05": 549.2520141601562,
  "summary_fg_p95": 827.1653686523437,
  "summary_fg_stdv": 89.82530212402344,
  "tsnr": 74.5417693448253
}