{
  "aor": 0.0006616774193548387,
  "aqi": 0.0029055842580645156,
  "bids_meta": {
    "CogAtlasID": "https://www.cognitiveatlas.org/task/id/trm_4c8991fadfe01",
    "DeviceSerialNumber": "66018",
    "DwellTime": 4.2e-06,
    "EchoTime": 0.039,
    "EffectiveEchoSpacing": 0.000929976,
    "FlipAngle": 50,
    "InstitutionAddress": "Washington Rd, Princeton, NJ 08540, USA",
    "InstitutionName": "Princeton University",
    "InstitutionalDepartmentName": "Princeton Neuroscience Institute",
    "MagneticFieldStrength": 3,
    "Manufacturer": "Siemens",
    "ManufacturersModelName": "Prisma",
    "NumberOfVolumesDiscardedByScanner": 3,
    "ParallelReductionType": "GRAPPA",
    "PartialFourier": 0.75,
    "PhaseEncodingDirection": "j-",
    "PixelBandwidth": 1240,
    "PulseSequenceDetails": "%CustomerSeq%_ep2d_bold_sms_mgh_v22",
    "PulseSequenceType": "Gradient Echo EPI",
    "ReceiveCoilActiveElements": "HC1-7;NC1,2",
    "ReceiveCoilName": "HeadNeck_64",
    "RepetitionTime": 1.5,
    "ScanOptions": "PFP_FS",
    "ScanningSequence": "EP",
    "SequenceName": "epfSM2d1_96",
    "SequenceVariant": "SK",
    "SliceTiming": [
      0.6925,
      0,
      0.79,
      0.1,
      0.8875,
      0.1975,
      0.9875,
      0.2975,
      1.085,
      0.395,
      1.185,
      0.495,
      1.2825,
      0.5925,
      1.3825,
      0.6925,
      0,
      0.79,
      0.1,
      0.8875,
      0.1975,
      0.9875,
      0.2975,
      1.085,
      0.395,
      1.185,
      0.495,
      1.2825,
      0.5925,
      1.3825,
      0.6925,
      0,
      0.79,
      0.1,
      0.8875,
      0.1975,
      0.9875,
      0.2975,
      1.085,
      0.395,
      1.185,
      0.495,
      1.2825,
      0.5925,
      1.3825,
      0.6925,
      0,
      0.79,
      0.1,
      0.8875,
      0.1975,
      0.9875,
      0.2975,
      1.085,
      0.395,
      1.185,
      0.495,
      1.2825,
      0.5925,
      1.3825
    ],
    "SoftwareVersions": "syngo_MR_D13D",
    "StationName": "AWP66018",
    "TaskDescription": "Passively listened to audio story 'shapessocial'",
    "TaskName": "shapessocial",
    "TotalReadoutTime": 0.0883478,
    "dataset": "ds002345",
    "modality": "bold",
    "subject_id": "236",
    "task_id": "shapessocial"
  },
  "dummy_trs": 1,
  "dvars_nstd": 31.162813995404516,
  "dvars_std": 1.1066176876051779,
  "dvars_vstd": 1.009689609805825,
  "efc": 0.5535815898426971,
  "fber": 389.66796875,
  "fd_mean": 0.0777583596773982,
  "fd_num": 0,
  "fd_perc": 0.0,
  "fwhm_avg": 2.914635,
  "fwhm_x": 2.67685,
  "fwhm_y": 3.133735,
  "fwhm_z": 2.93332,
  "gcor": 0.00926405,
  "gsr_x": -0.009246216155588627,
  "gsr_y": 0.045966241508722305,
  "provenance": {
    "md5sum": "6db189bc8985a818cee98d3ec64f57b7",
    "settings": {
      "fd_thres": 0.2,
      "testing": false
    },
    "software": "mriqc",
    "version": "22.0.0rc1",
    "webapi_port": null,
    "webapi_url": "https://mriqc.nimh.nih.gov/api/v1"
  },
  "size_t": 310,
  "size_x": 96,
  "size_y": 96,
  "size_z": 60,
  "snr": 2.200884652451889,
  "spacing_tr": 1.5,
  "spacing_x": 2.0,
  "spacing_y": 2.0,
  "spacing_z": 2.0,
  "summary_bg_k": 76.61171954327351,
  "summary_bg_mad": 5.920845121460865,
  "summary_bg_mean": 37.95143508911133,
  "summary_bg_median": 24.46129035949707,
  "summary_bg_n": 331233.0,
  "summary_bg_p05": 19.267742156982422,
  "summary_bg_p95": 100.49806365966785,
  "summary_bg_stdv": 44.71930694580078,
  "summary_fg_k": 3.7085304027058266,
  "summary_fg_mad": 198.52284863926747,
  "summary_fg_mean": 537.491943359375,
  "summary_fg_median": 498.77740478515625,
  "summary_fg_n": 134568.0,
  "summary_fg_p05": 262.1806335449219,
  "summary_fg_p95": 951.2891723632812,
  "summary_fg_stdv": 226.62503051757812,
  "tsnr": 48.584658212959766
}