{
  "aor": 0.0009667096774193548,
  "aqi": 0.00885458070967742,
  "bids_meta": {
    "CogAtlasID": "https://www.cognitiveatlas.org/task/id/trm_4c8991fadfe01",
    "DeviceSerialNumber": "66018",
    "DwellTime": 4.2e-06,
    "EchoTime": 0.039,
    "EffectiveEchoSpacing": 0.000929976,
    "FlipAngle": 50,
    "InstitutionAddress": "Washington Rd, Princeton, NJ 08540, USA",
    "InstitutionName": "Princeton University",
    "InstitutionalDepartmentName": "Princeton Neuroscience Institute",
    "MagneticFieldStrength": 3,
    "Manufacturer": "Siemens",
    "ManufacturersModelName": "Prisma",
    "NumberOfVolumesDiscardedByScanner": 3,
    "ParallelReductionType": "GRAPPA",
    "PartialFourier": 0.75,
    "PhaseEncodingDirection": "j-",
    "PixelBandwidth": 1240,
    "PulseSequenceDetails": "%CustomerSeq%_ep2d_bold_sms_mgh_v22",
    "PulseSequenceType": "Gradient Echo EPI",
    "ReceiveCoilActiveElements": "HC1-7;NC1,2",
    "ReceiveCoilName": "HeadNeck_64",
    "RepetitionTime": 1.5,
    "ScanOptions": "PFP_FS",
    "ScanningSequence": "EP",
    "SequenceName": "epfSM2d1_96",
    "SequenceVariant": "SK",
    "SliceTiming": [
      0.6925,
      0,
      0.79,
      0.1,
      0.8875,
      0.1975,
      0.9875,
      0.2975,
      1.085,
      0.395,
      1.185,
      0.495,
      1.2825,
      0.5925,
      1.3825,
      0.6925,
      0,
      0.79,
      0.1,
      0.8875,
      0.1975,
      0.9875,
      0.2975,
      1.085,
      0.395,
      1.185,
      0.495,
      1.2825,
      0.5925,
      1.3825,
      0.6925,
      0,
      0.79,
      0.1,
      0.8875,
      0.1975,
      0.9875,
      0.2975,
      1.085,
      0.395,
      1.185,
      0.495,
      1.2825,
      0.5925,
      1.3825,
      0.6925,
      0,
      0.79,
      0.1,
      0.8875,
      0.1975,
      0.9875,
      0.2975,
      1.085,
      0.395,
      1.185,
      0.495,
      1.2825,
      0.5925,
      1.3825
    ],
    "SoftwareVersions": "syngo_MR_D13D",
    "StationName": "AWP66018",
    "TaskDescription": "Passively listened to audio story 'shapesphysical'",
    "TaskName": "shapesphysical",
    "TotalReadoutTime": 0.0883478,
    "dataset": "ds002345",
    "modality": "bold",
    "subject_id": "190",
    "task_id": "shapesphysical"
  },
  "dummy_trs": 0,
  "dvars_nstd": 54.040835544174755,
  "dvars_std": 1.411977961391586,
  "dvars_vstd": 1.0117325972815525,
  "efc": 0.5692644754749826,
  "fber": 314.14996337890625,
  "fd_mean": 0.15222279075066789,
  "fd_num": 70,
  "fd_perc": 22.580645161290324,
  "fwhm_avg": 2.928858333333333,
  "fwhm_x": 2.620835,
  "fwhm_y": 3.211305,
  "fwhm_z": 2.954435,
  "gcor": 0.0193831,
  "gsr_x": -0.0073084840551018715,
  "gsr_y": 0.04376038908958435,
  "provenance": {
    "md5sum": "aefe6ea5e56307121a3c70a2eb1486b9",
    "settings": {
      "fd_thres": 0.2,
      "testing": false
    },
    "software": "mriqc",
    "version": "22.0.6",
    "webapi_port": null,
    "webapi_url": "https://mriqc.nimh.nih.gov/api/v1"
  },
  "size_t": 310,
  "size_x": 96,
  "size_y": 96,
  "size_z": 60,
  "snr": 2.5229354749460136,
  "spacing_tr": 1.5,
  "spacing_x": 2.0,
  "spacing_y": 2.0,
  "spacing_z": 2.0,
  "summary_bg_k": 37.310853866981155,
  "summary_bg_mad": 4.663025022223284,
  "summary_bg_mean": 35.26079559326172,
  "summary_bg_median": 23.88387107849121,
  "summary_bg_n": 335705.0,
  "summary_bg_p05": 19.82903289794922,
  "summary_bg_p95": 90.2967758178711,
  "summary_bg_stdv": 32.51652145385742,
  "summary_fg_k": 2.7521316459245986,
  "summary_fg_mad": 149.52998957090142,
  "summary_fg_mean": 459.9366455078125,
  "summary_fg_median": 438.8580627441406,
  "summary_fg_n": 130386.0,
  "summary_fg_p05": 224.6677360534668,
  "summary_fg_p95": 762.9515991210938,
  "summary_fg_stdv": 173.9467315673828,
  "tsnr": 39.47357895411551
}