{
  "aor": 0.0009437483325922632,
  "aqi": 0.018141044397510003,
  "bids_meta": {
    "CogAtlasID": "https://www.cognitiveatlas.org/task/id/trm_4c8991fadfe01",
    "DeviceSerialNumber": "45031",
    "DwellTime": 4.9e-06,
    "EchoTime": 0.028,
    "EffectiveEchoSpacing": 0.000355001,
    "FlipAngle": 64,
    "InstitutionAddress": "Washington Rd, Princeton, NJ 08540, USA",
    "InstitutionName": "Princeton University",
    "InstitutionalDepartmentName": "Princeton Neuroscience Institute",
    "MagneticFieldStrength": 3,
    "Manufacturer": "Siemens",
    "ManufacturersModelName": "Skyra",
    "NumberOfVolumesDiscardedByScanner": 3,
    "ParallelReductionFactorInPlane": 2,
    "ParallelReductionType": "GRAPPA",
    "PartialFourier": 1,
    "PhaseEncodingDirection": "j-",
    "PixelBandwidth": 1595,
    "PulseSequenceDetails": "%SiemensSeq%_ep2d_bold",
    "PulseSequenceType": "Gradient Echo EPI",
    "ReceiveCoilActiveElements": "HE1-4",
    "ReceiveCoilName": "HeadNeck_20",
    "RepetitionTime": 1.5,
    "ScanOptions": "FS",
    "ScanningSequence": "EP",
    "SequenceName": "_epfid2d1_64",
    "SequenceVariant": "SK",
    "SliceTiming": [
      0,
      0.7675,
      0.055,
      0.8225,
      0.11,
      0.8775,
      0.165,
      0.9325,
      0.22,
      0.9875,
      0.275,
      1.0425,
      0.33,
      1.0975,
      0.385,
      1.1525,
      0.44,
      1.2075,
      0.495,
      1.2625,
      0.55,
      1.315,
      0.6025,
      1.37,
      0.6575,
      1.425,
      0.7125
    ],
    "SoftwareVersions": "syngo_MR_E11",
    "StationName": "AWP45031",
    "TaskDescription": "Passively listened to audio story '21styear'",
    "TaskName": "21styear",
    "TotalReadoutTime": 0.022365,
    "dataset": "ds002345",
    "modality": "bold",
    "subject_id": "190",
    "task_id": "21styear"
  },
  "dummy_trs": 0,
  "dvars_nstd": 21.618409332424353,
  "dvars_std": 1.184319851970638,
  "dvars_vstd": 1.002885518265126,
  "efc": 0.553395117273462,
  "fber": 2481.329833984375,
  "fd_mean": 0.15657083115852177,
  "fd_num": 371,
  "fd_perc": 16.496220542463316,
  "fwhm_avg": 1.7382669444444445,
  "fwhm_x": 1.6651766666666665,
  "fwhm_y": 2.0211866666666665,
  "fwhm_z": 1.5284375,
  "gcor": 0.0198115,
  "gsr_x": -0.007598952855914831,
  "gsr_y": 0.04810883849859238,
  "provenance": {
    "md5sum": "54ec85774163d63f06085e2e64efb4f0",
    "settings": {
      "fd_thres": 0.2,
      "testing": false
    },
    "software": "mriqc",
    "version": "22.0.6",
    "webapi_port": null,
    "webapi_url": "https://mriqc.nimh.nih.gov/api/v1"
  },
  "size_t": 2249,
  "size_x": 64,
  "size_y": 64,
  "size_z": 27,
  "snr": 8.247946340711438,
  "spacing_tr": 1.5,
  "spacing_x": 3.0,
  "spacing_y": 3.0,
  "spacing_z": 4.0,
  "summary_bg_k": 21.99504352771401,
  "summary_bg_mad": 8.122340650491397,
  "summary_bg_mean": 40.80339431762695,
  "summary_bg_median": 13.667407989501953,
  "summary_bg_n": 60469.0,
  "summary_bg_p05": 7.0471320152282715,
  "summary_bg_p95": 184.65833435058587,
  "summary_bg_stdv": 77.58635711669922,
  "summary_fg_k": 4.403860191284275,
  "summary_fg_mad": 72.13922155703415,
  "summary_fg_mean": 703.7723999023438,
  "summary_fg_median": 697.5280151367188,
  "summary_fg_n": 22788.0,
  "summary_fg_p05": 592.1999908447266,
  "summary_fg_p95": 837.1856140136719,
  "summary_fg_stdv": 84.56804656982422,
  "tsnr": 55.53848369931802
}