{
  "bids_meta": {
    "DeviceSerialNumber": "45031",
    "DwellTime": 8.2e-06,
    "EchoTime": 0.00308,
    "FlipAngle": 9,
    "InstitutionAddress": "Washington Rd, Princeton, NJ 08540, USA",
    "InstitutionName": "Princeton University",
    "InstitutionalDepartmentName": "Princeton Neuroscience Institute",
    "InversionTime": 0.9,
    "MagneticFieldStrength": 3,
    "Manufacturer": "Siemens",
    "ManufacturersModelName": "Skyra",
    "ParallelReductionFactorInPlane": 2,
    "ParallelReductionType": "GRAPPA",
    "PartialFourier": 1,
    "PixelBandwidth": 240,
    "PulseSequenceDetails": "%SiemensSeq%_tfl",
    "PulseSequenceType": "MPRAGE",
    "ReceiveCoilActiveElements": "HE1-4",
    "ReceiveCoilName": "HeadNeck_20",
    "RepetitionTime": 2.3,
    "ScanOptions": "IR",
    "ScanningSequence": "GR_IR",
    "SequenceName": "_tfl3d1_16ns",
    "SequenceVariant": "SK_SP_MP",
    "SoftwareVersions": "syngo_MR_E11",
    "StationName": "AWP45031",
    "dataset": "ds002345",
    "modality": "T1w",
    "subject_id": "270"
  },
  "cjv": 0.5362330312549157,
  "cnr": 2.4983748122836276,
  "efc": 0.6568323228164603,
  "fber": 403.9846376220283,
  "fwhm_avg": 3.395980709082153,
  "fwhm_x": 3.406944309064641,
  "fwhm_y": 3.4909672727272727,
  "fwhm_z": 3.2900305454545458,
  "icvs_csf": 0.20976480815507004,
  "icvs_gm": 0.41407513670713053,
  "icvs_wm": 0.37616005513779943,
  "inu_med": 1.3324323892593384,
  "inu_range": 0.41714296936988826,
  "provenance": {
    "md5sum": "5a5329308e5198ca28c479a58e053838",
    "settings": {
      "testing": false
    },
    "software": "mriqc",
    "version": "22.0.0rc1",
    "warnings": {
      "large_rot_frame": true,
      "small_air_mask": false
    },
    "webapi_port": null,
    "webapi_url": "https://mriqc.nimh.nih.gov/api/v1"
  },
  "qi_1": 0.0,
  "qi_2": 0.0016503788369854897,
  "rpve_csf": 19.803079021109063,
  "rpve_gm": 10.201149686543047,
  "rpve_wm": 13.378067027017744,
  "size_x": 192,
  "size_y": 256,
  "size_z": 256,
  "snr_csf": 2.6814638791839207,
  "snr_gm": 9.181464198862868,
  "snr_total": 8.334904212089258,
  "snr_wm": 13.141784558220984,
  "snrd_csf": 12.593658991916184,
  "snrd_gm": 26.75121645675526,
  "snrd_total": 25.555553626870857,
  "snrd_wm": 37.321785431941116,
  "spacing_x": 0.9000000357627869,
  "spacing_y": 0.859375,
  "spacing_z": 0.859375,
  "summary_bg_k": 7.480248332960533,
  "summary_bg_mad": 17.553725914386835,
  "summary_bg_mean": 33.57176981993954,
  "summary_bg_median": 23.51593242958188,
  "summary_bg_n": 2627469.0,
  "summary_bg_p05": 5.838062111288309,
  "summary_bg_p95": 98.86512659490108,
  "summary_bg_stdv": 31.100352986218567,
  "summary_csf_k": 3.510721437732786,
  "summary_csf_mad": 132.17874720787137,
  "summary_csf_mean": 347.0335476014162,
  "summary_csf_median": 337.43453389965,
  "summary_csf_n": 29532.0,
  "summary_csf_p05": 159.62189354840666,
  "summary_csf_p95": 561.0241285627707,
  "summary_csf_stdv": 125.83754099338411,
  "summary_gm_k": -0.04819716209445524,
  "summary_gm_mad": 78.42551739169602,
  "summary_gm_mean": 717.111214028451,
  "summary_gm_median": 716.7721678130329,
  "summary_gm_n": 20258.0,
  "summary_gm_p05": 589.4805892556906,
  "summary_gm_p95": 847.1273649455978,
  "summary_gm_stdv": 78.06537835156298,
  "summary_wm_k": 0.38723167239504974,
  "summary_wm_mad": 73.45061350351726,
  "summary_wm_mean": 1002.8654644079699,
  "summary_wm_median": 1000.0000222027302,
  "summary_wm_n": 302661.0,
  "summary_wm_p05": 882.8568506799638,
  "summary_wm_p95": 1132.0384363085032,
  "summary_wm_stdv": 76.09304244471583,
  "tpm_overlap_csf": 0.18619267642498016,
  "tpm_overlap_gm": 0.45267364382743835,
  "tpm_overlap_wm": 0.5090911388397217,
  "wm2max": 0.48181439186264774
}