{
  "aor": 0.0004900325732899023,
  "aqi": 0.00941015184039088,
  "bids_meta": {
    "CogAtlasID": "https://www.cognitiveatlas.org/task/id/trm_4c8991fadfe01",
    "DeviceSerialNumber": "45031",
    "DwellTime": 4.9e-06,
    "EchoTime": 0.028,
    "EffectiveEchoSpacing": 0.000355001,
    "FlipAngle": 64,
    "InstitutionAddress": "Washington Rd, Princeton, NJ 08540, USA",
    "InstitutionName": "Princeton University",
    "InstitutionalDepartmentName": "Princeton Neuroscience Institute",
    "MagneticFieldStrength": 3,
    "Manufacturer": "Siemens",
    "ManufacturersModelName": "Skyra",
    "NumberOfVolumesDiscardedByScanner": 3,
    "ParallelReductionFactorInPlane": 2,
    "ParallelReductionType": "GRAPPA",
    "PartialFourier": 1,
    "PhaseEncodingDirection": "j-",
    "PixelBandwidth": 1595,
    "PulseSequenceDetails": "%SiemensSeq%_ep2d_bold",
    "PulseSequenceType": "Gradient Echo EPI",
    "ReceiveCoilActiveElements": "HE1-4",
    "ReceiveCoilName": "HeadNeck_20",
    "RepetitionTime": 1.5,
    "ScanOptions": "FS",
    "ScanningSequence": "EP",
    "SequenceName": "_epfid2d1_64",
    "SequenceVariant": "SK",
    "SliceTiming": [
      0,
      0.7675,
      0.055,
      0.8225,
      0.1075,
      0.875,
      0.1625,
      0.93,
      0.2175,
      0.985,
      0.2725,
      1.04,
      0.3275,
      1.095,
      0.3825,
      1.15,
      0.4375,
      1.205,
      0.4925,
      1.26,
      0.5475,
      1.315,
      0.6025,
      1.37,
      0.6575,
      1.425,
      0.7125
    ],
    "SoftwareVersions": "syngo_MR_D13",
    "StationName": "AWP45031",
    "TaskDescription": "Passively listened to audio story 'merlin'",
    "TaskName": "merlin",
    "TotalReadoutTime": 0.022365,
    "dataset": "ds002345",
    "modality": "bold",
    "subject_id": "173",
    "task_id": "merlin"
  },
  "dummy_trs": 1,
  "dvars_nstd": 19.186914291566058,
  "dvars_std": 1.1515603087928217,
  "dvars_vstd": 0.9753807639641104,
  "efc": 0.597812287580639,
  "fber": 1665.0709228515625,
  "fd_mean": 0.11417115427186379,
  "fd_num": 14,
  "fd_perc": 2.2801302931596092,
  "fwhm_avg": 1.7531647222222222,
  "fwhm_x": 1.7315233333333333,
  "fwhm_y": 1.9927233333333334,
  "fwhm_z": 1.5352475,
  "gcor": 0.0084041,
  "gsr_x": -0.012012837454676628,
  "gsr_y": 0.043534986674785614,
  "provenance": {
    "md5sum": "8da7c4a85b6fa6760c9a4c1f1abdf989",
    "settings": {
      "fd_thres": 0.2,
      "testing": false
    },
    "software": "mriqc",
    "version": "22.0.0rc1",
    "webapi_port": null,
    "webapi_url": "https://mriqc.nimh.nih.gov/api/v1"
  },
  "size_t": 614,
  "size_x": 64,
  "size_y": 64,
  "size_z": 27,
  "snr": 6.998471482346078,
  "spacing_tr": 1.5,
  "spacing_x": 3.0,
  "spacing_y": 3.0,
  "spacing_z": 4.0,
  "summary_bg_k": 20.107166232579758,
  "summary_bg_mad": 12.466897236958221,
  "summary_bg_mean": 38.69217300415039,
  "summary_bg_median": 17.4478816986084,
  "summary_bg_n": 53354.0,
  "summary_bg_p05": 7.394136428833008,
  "summary_bg_p95": 137.6862350463867,
  "summary_bg_stdv": 58.40653991699219,
  "summary_fg_k": 2.336820706986029,
  "summary_fg_mad": 98.4336478841444,
  "summary_fg_mean": 763.0927734375,
  "summary_fg_median": 755.2841796875,
  "summary_fg_n": 28592.0,
  "summary_fg_p05": 613.0173156738281,
  "summary_fg_p95": 939.4817169189452,
  "summary_fg_stdv": 107.91941833496094,
  "tsnr": 67.75360026746057
}