{
  "aor": 0.00047310773480662983,
  "aqi": 0.012848461077348066,
  "bids_meta": {
    "CogAtlasID": "https://www.cognitiveatlas.org/task/id/trm_4c8991fadfe01",
    "DeviceSerialNumber": "45031",
    "DwellTime": 4.9e-06,
    "EchoTime": 0.028,
    "EffectiveEchoSpacing": 0.000355001,
    "FlipAngle": 64,
    "InstitutionAddress": "Washington Rd, Princeton, NJ 08540, USA",
    "InstitutionName": "Princeton University",
    "InstitutionalDepartmentName": "Princeton Neuroscience Institute",
    "MagneticFieldStrength": 3,
    "Manufacturer": "Siemens",
    "ManufacturersModelName": "Skyra",
    "NumberOfVolumesDiscardedByScanner": 3,
    "ParallelReductionFactorInPlane": 2,
    "ParallelReductionType": "GRAPPA",
    "PartialFourier": 1,
    "PhaseEncodingDirection": "j-",
    "PixelBandwidth": 1595,
    "PulseSequenceDetails": "%SiemensSeq%_ep2d_bold",
    "PulseSequenceType": "Gradient Echo EPI",
    "ReceiveCoilActiveElements": "HE1-4",
    "ReceiveCoilName": "HeadNeck_20",
    "RepetitionTime": 1.5,
    "ScanOptions": "FS",
    "ScanningSequence": "EP",
    "SequenceName": "_epfid2d1_64",
    "SequenceVariant": "SK",
    "SliceTiming": [
      0,
      0.7675,
      0.055,
      0.8225,
      0.1075,
      0.875,
      0.1625,
      0.93,
      0.2175,
      0.985,
      0.2725,
      1.04,
      0.3275,
      1.095,
      0.3825,
      1.15,
      0.4375,
      1.205,
      0.4925,
      1.26,
      0.5475,
      1.315,
      0.6025,
      1.37,
      0.6575,
      1.425,
      0.7125
    ],
    "SoftwareVersions": "syngo_MR_D13",
    "StationName": "AWP45031",
    "TaskDescription": "Passively listened to audio story 'sherlock'",
    "TaskName": "sherlock",
    "TotalReadoutTime": 0.022365,
    "dataset": "ds002345",
    "modality": "bold",
    "subject_id": "173",
    "task_id": "sherlock"
  },
  "dummy_trs": 2,
  "dvars_nstd": 19.99685013912864,
  "dvars_std": 1.1277433107053938,
  "dvars_vstd": 0.9608791164038732,
  "efc": 0.597418466222648,
  "fber": 1652.1815185546875,
  "fd_mean": 0.13495366895706584,
  "fd_num": 98,
  "fd_perc": 13.535911602209945,
  "fwhm_avg": 1.7648788888888889,
  "fwhm_x": 1.7323666666666666,
  "fwhm_y": 2.00551,
  "fwhm_z": 1.55676,
  "gcor": 0.00974996,
  "gsr_x": -0.012298011220991611,
  "gsr_y": 0.04391211271286011,
  "provenance": {
    "md5sum": "cd7b3145ae6ce48af195b60ce3598a3c",
    "settings": {
      "fd_thres": 0.2,
      "testing": false
    },
    "software": "mriqc",
    "version": "22.0.0rc1",
    "webapi_port": null,
    "webapi_url": "https://mriqc.nimh.nih.gov/api/v1"
  },
  "size_t": 724,
  "size_x": 64,
  "size_y": 64,
  "size_z": 27,
  "snr": 6.975572042211173,
  "spacing_tr": 1.5,
  "spacing_x": 3.0,
  "spacing_y": 3.0,
  "spacing_z": 4.0,
  "summary_bg_k": 20.425315765681027,
  "summary_bg_mad": 12.954340383111607,
  "summary_bg_mean": 38.35603713989258,
  "summary_bg_median": 17.476520538330078,
  "summary_bg_n": 53341.0,
  "summary_bg_p05": 6.95718240737915,
  "summary_bg_p95": 135.54281616210938,
  "summary_bg_stdv": 58.080322265625,
  "summary_fg_k": 2.49957062339655,
  "summary_fg_mad": 98.65756751242151,
  "summary_fg_mean": 764.7083129882812,
  "summary_fg_median": 757.8211669921875,
  "summary_fg_n": 28650.0,
  "summary_fg_p05": 613.0181945800781,
  "summary_fg_p95": 941.6901428222656,
  "summary_fg_stdv": 108.63739013671875,
  "tsnr": 59.37891681911424
}