{
  "aor": 0.0023201013513513514,
  "aqi": 0.012466651047297297,
  "bids_meta": {
    "CogAtlasID": "https://www.cognitiveatlas.org/task/id/trm_4c8991fadfe01",
    "DeviceSerialNumber": "45031",
    "DwellTime": 5.4e-06,
    "EchoTime": 0.028,
    "EffectiveEchoSpacing": 0.000390001,
    "FlipAngle": 64,
    "InstitutionAddress": "Washington Rd, Princeton, NJ 08540, USA",
    "InstitutionName": "Princeton University",
    "InstitutionalDepartmentName": "Princeton Neuroscience Institute",
    "MagneticFieldStrength": 3,
    "Manufacturer": "Siemens",
    "ManufacturersModelName": "Skyra",
    "NumberOfVolumesDiscardedByScanner": 3,
    "ParallelReductionFactorInPlane": 2,
    "ParallelReductionType": "GRAPPA",
    "PartialFourier": 1,
    "PhaseEncodingDirection": "j-",
    "PixelBandwidth": 1445,
    "PulseSequenceDetails": "%SiemensSeq%_ep2d_bold",
    "PulseSequenceType": "Gradient Echo EPI",
    "ReceiveCoilActiveElements": "HE1-4",
    "ReceiveCoilName": "HeadNeck_20",
    "RepetitionTime": 1.5,
    "ScanOptions": "FS",
    "ScanningSequence": "EP",
    "SequenceName": "_epfid2d1_64",
    "SequenceVariant": "SK",
    "SliceTiming": [
      0,
      0.7775,
      0.055,
      0.8325,
      0.11,
      0.8875,
      0.165,
      0.9425,
      0.22,
      0.9975,
      0.2775,
      1.055,
      0.3325,
      1.11,
      0.3875,
      1.165,
      0.4425,
      1.22,
      0.5,
      1.2775,
      0.555,
      1.3325,
      0.61,
      1.3875,
      0.665,
      1.4425,
      0.72
    ],
    "SoftwareVersions": "syngo_MR_D11",
    "StationName": "AWP45031",
    "TaskDescription": "Passively listened to audio story 'milkyway'",
    "TaskName": "milkyway",
    "TotalReadoutTime": 0.0245701,
    "dataset": "ds002345",
    "modality": "bold",
    "subject_id": "102",
    "task_id": "milkyway"
  },
  "dummy_trs": 1,
  "dvars_nstd": 21.020404414915244,
  "dvars_std": 1.1721793434915262,
  "dvars_vstd": 0.9881245172881357,
  "efc": 0.6390466480363158,
  "fber": 818.7328491210938,
  "fd_mean": 0.11053235794132114,
  "fd_num": 15,
  "fd_perc": 5.0675675675675675,
  "fwhm_avg": 1.7779466910076025,
  "fwhm_x": 1.7012633333333333,
  "fwhm_y": 2.03809,
  "fwhm_z": 1.5944867396894744,
  "gcor": 0.0120353,
  "gsr_x": -0.004960143007338047,
  "gsr_y": 0.06608103960752487,
  "provenance": {
    "md5sum": "5c140b00c78e869a723d5879d1d78213",
    "settings": {
      "fd_thres": 0.2,
      "testing": false
    },
    "software": "mriqc",
    "version": "22.0.0rc1",
    "webapi_port": null,
    "webapi_url": "https://mriqc.nimh.nih.gov/api/v1"
  },
  "size_t": 296,
  "size_x": 64,
  "size_y": 64,
  "size_z": 27,
  "snr": 6.984872385562415,
  "spacing_tr": 1.5,
  "spacing_x": 3.0,
  "spacing_y": 3.0,
  "spacing_z": 4.000001907348633,
  "summary_bg_k": 9.375349019986675,
  "summary_bg_mad": 22.324182347182077,
  "summary_bg_mean": 71.37040710449219,
  "summary_bg_median": 24.429054260253906,
  "summary_bg_n": 52642.0,
  "summary_bg_p05": 7.7535473108291635,
  "summary_bg_p95": 310.65793914794915,
  "summary_bg_stdv": 105.40585327148438,
  "summary_fg_k": 3.5237407254262516,
  "summary_fg_mad": 91.46055809809009,
  "summary_fg_mean": 766.771484375,
  "summary_fg_median": 759.3446044921875,
  "summary_fg_n": 29680.0,
  "summary_fg_p05": 620.7087982177734,
  "summary_fg_p95": 944.9326049804688,
  "summary_fg_stdv": 108.71090698242188,
  "tsnr": 61.04622540785931
}