{
  "aor": 0.005366181434599156,
  "aqi": 0.021565171603375524,
  "bids_meta": {
    "CogAtlasID": "https://www.cognitiveatlas.org/task/id/trm_4c8991fadfe01",
    "DeviceSerialNumber": "45031",
    "DwellTime": 5.4e-06,
    "EchoTime": 0.028,
    "EffectiveEchoSpacing": 0.000390001,
    "FlipAngle": 64,
    "InstitutionAddress": "Washington Rd, Princeton, NJ 08540, USA",
    "InstitutionName": "Princeton University",
    "InstitutionalDepartmentName": "Princeton Neuroscience Institute",
    "MagneticFieldStrength": 3,
    "Manufacturer": "Siemens",
    "ManufacturersModelName": "Skyra",
    "NumberOfVolumesDiscardedByScanner": 3,
    "ParallelReductionFactorInPlane": 2,
    "ParallelReductionType": "GRAPPA",
    "PartialFourier": 1,
    "PhaseEncodingDirection": "j-",
    "PixelBandwidth": 1445,
    "PulseSequenceDetails": "%SiemensSeq%_ep2d_bold",
    "PulseSequenceType": "Gradient Echo EPI",
    "ReceiveCoilActiveElements": "HE1-4",
    "ReceiveCoilName": "HeadNeck_20",
    "RepetitionTime": 1.5,
    "ScanOptions": "FS",
    "ScanningSequence": "EP",
    "SequenceName": "_epfid2d1_64",
    "SequenceVariant": "SK",
    "SliceTiming": [
      0,
      0.7775,
      0.055,
      0.8325,
      0.11,
      0.8875,
      0.165,
      0.9425,
      0.22,
      0.9975,
      0.2775,
      1.055,
      0.3325,
      1.11,
      0.3875,
      1.165,
      0.4425,
      1.22,
      0.5,
      1.2775,
      0.555,
      1.3325,
      0.61,
      1.3875,
      0.665,
      1.4425,
      0.72
    ],
    "SoftwareVersions": "syngo_MR_D11",
    "StationName": "AWP45031",
    "TaskDescription": "Passively listened to audio story 'prettymouth'",
    "TaskName": "prettymouth",
    "TotalReadoutTime": 0.0245701,
    "dataset": "ds002345",
    "modality": "bold",
    "subject_id": "102",
    "task_id": "prettymouth"
  },
  "dummy_trs": 1,
  "dvars_nstd": 22.084468527019023,
  "dvars_std": 1.1428191419238896,
  "dvars_vstd": 0.9725789912050741,
  "efc": 0.6408081610317855,
  "fber": 806.9848022460938,
  "fd_mean": 0.14249248443640883,
  "fd_num": 73,
  "fd_perc": 15.40084388185654,
  "fwhm_avg": 1.793372527970062,
  "fwhm_x": 1.72299,
  "fwhm_y": 2.0854733333333333,
  "fwhm_z": 1.5716542505768536,
  "gcor": 0.0202643,
  "gsr_x": -0.005479109473526478,
  "gsr_y": 0.06979341804981232,
  "provenance": {
    "md5sum": "fb60f8f10b4cba60138802ad35f53f4f",
    "settings": {
      "fd_thres": 0.2,
      "testing": false
    },
    "software": "mriqc",
    "version": "22.0.0rc1",
    "webapi_port": null,
    "webapi_url": "https://mriqc.nimh.nih.gov/api/v1"
  },
  "size_t": 474,
  "size_x": 64,
  "size_y": 64,
  "size_z": 27,
  "snr": 6.950132645600573,
  "spacing_tr": 1.5,
  "spacing_x": 3.0,
  "spacing_y": 3.0,
  "spacing_z": 4.000001907348633,
  "summary_bg_k": 9.193405394792325,
  "summary_bg_mad": 23.404156804093237,
  "summary_bg_mean": 73.16419982910156,
  "summary_bg_median": 25.08966064453125,
  "summary_bg_n": 52632.0,
  "summary_bg_p05": 7.6708855628967285,
  "summary_bg_p95": 317.83269500732416,
  "summary_bg_stdv": 107.0023422241211,
  "summary_fg_k": 3.0616331816795865,
  "summary_fg_mad": 92.80968630095263,
  "summary_fg_mean": 767.485107421875,
  "summary_fg_median": 759.1624145507812,
  "summary_fg_n": 29737.0,
  "summary_fg_p05": 618.61220703125,
  "summary_fg_p95": 948.1835205078121,
  "summary_fg_stdv": 109.22808074951172,
  "tsnr": 49.35196504811756
}