{
  "aor": 0.0007584170742552246,
  "aqi": 0.016375073281458426,
  "bids_meta": {
    "CogAtlasID": "https://www.cognitiveatlas.org/task/id/trm_4c8991fadfe01",
    "DeviceSerialNumber": "45031",
    "DwellTime": 4.9e-06,
    "EchoTime": 0.028,
    "EffectiveEchoSpacing": 0.000355001,
    "FlipAngle": 64,
    "InstitutionAddress": "Washington Rd, Princeton, NJ 08540, USA",
    "InstitutionName": "Princeton University",
    "InstitutionalDepartmentName": "Princeton Neuroscience Institute",
    "MagneticFieldStrength": 3,
    "Manufacturer": "Siemens",
    "ManufacturersModelName": "Skyra",
    "NumberOfVolumesDiscardedByScanner": 3,
    "ParallelReductionFactorInPlane": 2,
    "ParallelReductionType": "GRAPPA",
    "PartialFourier": 1,
    "PhaseEncodingDirection": "j-",
    "PixelBandwidth": 1595,
    "PulseSequenceDetails": "%SiemensSeq%_ep2d_bold",
    "PulseSequenceType": "Gradient Echo EPI",
    "ReceiveCoilActiveElements": "HE1-4",
    "ReceiveCoilName": "HeadNeck_20",
    "RepetitionTime": 1.5,
    "ScanOptions": "FS",
    "ScanningSequence": "EP",
    "SequenceName": "_epfid2d1_64",
    "SequenceVariant": "SK",
    "SliceTiming": [
      0,
      0.7675,
      0.055,
      0.8225,
      0.11,
      0.8775,
      0.165,
      0.9325,
      0.22,
      0.9875,
      0.275,
      1.0425,
      0.33,
      1.0975,
      0.385,
      1.1525,
      0.44,
      1.2075,
      0.495,
      1.2625,
      0.55,
      1.315,
      0.6025,
      1.37,
      0.6575,
      1.425,
      0.7125
    ],
    "SoftwareVersions": "syngo_MR_E11",
    "StationName": "AWP45031",
    "TaskDescription": "Passively listened to audio story '21styear'",
    "TaskName": "21styear",
    "TotalReadoutTime": 0.022365,
    "dataset": "ds002345",
    "modality": "bold",
    "subject_id": "249",
    "task_id": "21styear"
  },
  "dummy_trs": 0,
  "dvars_nstd": 23.99311766501339,
  "dvars_std": 1.271834828901245,
  "dvars_vstd": 1.0008481477935935,
  "efc": 0.6331807958543875,
  "fber": 1121.0384521484375,
  "fd_mean": 0.11177155215258275,
  "fd_num": 225,
  "fd_perc": 10.004446420631393,
  "fwhm_avg": 1.7899205555555557,
  "fwhm_x": 1.72051,
  "fwhm_y": 2.042736666666667,
  "fwhm_z": 1.606515,
  "gcor": 0.033941,
  "gsr_x": 0.009439308196306229,
  "gsr_y": 0.04678643122315407,
  "provenance": {
    "md5sum": "50d1ffc2601ab76f7881dc205392cf90",
    "settings": {
      "fd_thres": 0.2,
      "testing": false
    },
    "software": "mriqc",
    "version": "22.0.0rc1",
    "webapi_port": null,
    "webapi_url": "https://mriqc.nimh.nih.gov/api/v1"
  },
  "size_t": 2249,
  "size_x": 64,
  "size_y": 64,
  "size_z": 27,
  "snr": 6.8318197721343665,
  "spacing_tr": 1.5,
  "spacing_x": 3.0,
  "spacing_y": 3.0,
  "spacing_z": 4.0,
  "summary_bg_k": 9.080948277546808,
  "summary_bg_mad": 17.91120477458196,
  "summary_bg_mean": 59.767974853515625,
  "summary_bg_median": 20.857269287109375,
  "summary_bg_n": 51225.0,
  "summary_bg_p05": 7.154379653930664,
  "summary_bg_p95": 263.9178405761717,
  "summary_bg_stdv": 89.18757629394531,
  "summary_fg_k": 4.290149363718383,
  "summary_fg_mad": 84.97046326694749,
  "summary_fg_mean": 748.0220336914062,
  "summary_fg_median": 736.5362548828125,
  "summary_fg_n": 30137.0,
  "summary_fg_p05": 613.42685546875,
  "summary_fg_p95": 925.0250976562498,
  "summary_fg_stdv": 107.8078842163086,
  "tsnr": 50.692643992602825
}