{
  "bids_meta": {
    "DeviceSerialNumber": "45031",
    "DwellTime": 8.2e-06,
    "EchoTime": 0.00308,
    "FlipAngle": 9,
    "InstitutionAddress": "Washington Rd, Princeton, NJ 08540, USA",
    "InstitutionName": "Princeton University",
    "InstitutionalDepartmentName": "Princeton Neuroscience Institute",
    "InversionTime": 0.9,
    "MagneticFieldStrength": 3,
    "Manufacturer": "Siemens",
    "ManufacturersModelName": "Skyra",
    "ParallelReductionFactorInPlane": 2,
    "ParallelReductionType": "GRAPPA",
    "PartialFourier": 1,
    "PixelBandwidth": 240,
    "PulseSequenceDetails": "%SiemensSeq%_tfl",
    "PulseSequenceType": "MPRAGE",
    "ReceiveCoilActiveElements": "HE1-4",
    "ReceiveCoilName": "HeadNeck_20",
    "RepetitionTime": 2.3,
    "ScanOptions": "IR",
    "ScanningSequence": "GR_IR",
    "SequenceName": "_tfl3d1_16ns",
    "SequenceVariant": "SK_SP_MP",
    "SoftwareVersions": "syngo_MR_D11",
    "StationName": "AWP45031",
    "dataset": "ds002345",
    "modality": "T1w",
    "subject_id": "019"
  },
  "cjv": 0.4811148607657615,
  "cnr": 2.762691470438089,
  "efc": 0.6574512295869938,
  "fber": 837.7490224269951,
  "fwhm_avg": 3.358794388195743,
  "fwhm_x": 3.4507885232301794,
  "fwhm_y": 3.4832991506860314,
  "fwhm_z": 3.1422954906710188,
  "icvs_csf": 0.17576311421689866,
  "icvs_gm": 0.43428104891418884,
  "icvs_wm": 0.38995583686891255,
  "inu_med": 1.3624933958053589,
  "inu_range": 0.6075376868247986,
  "provenance": {
    "md5sum": "f6222180dc51ad4d7b929fe8fa20b1f4",
    "settings": {
      "testing": false
    },
    "software": "mriqc",
    "version": "21.0.0rc2",
    "warnings": {
      "large_rot_frame": true,
      "small_air_mask": false
    },
    "webapi_port": null,
    "webapi_url": "https://mriqc.nimh.nih.gov/api/v1"
  },
  "qi_1": 0.0,
  "qi_2": 0.002897381756555202,
  "rpve_csf": 19.713064906434898,
  "rpve_gm": 8.95237303638317,
  "rpve_wm": 11.933389302541972,
  "size_x": 192,
  "size_y": 256,
  "size_z": 256,
  "snr_csf": 2.0027853146263537,
  "snr_gm": 8.729008938211503,
  "snr_total": 8.762617673719438,
  "snr_wm": 15.556058768320456,
  "snrd_csf": 15.298145214676612,
  "snrd_gm": 35.649301753270215,
  "snrd_total": 33.70719969517094,
  "snrd_wm": 50.17415211756601,
  "spacing_x": 0.9000000953674316,
  "spacing_y": 0.8593749403953552,
  "spacing_z": 0.8593749403953552,
  "summary_bg_k": 7.465576405835211,
  "summary_bg_mad": 13.057248371974515,
  "summary_bg_mean": 22.454548230726502,
  "summary_bg_median": 20.549620449543,
  "summary_bg_n": 2599871.0,
  "summary_bg_p05": 2.9356600642204285,
  "summary_bg_p95": 49.82467497885227,
  "summary_bg_stdv": 14.910188960813265,
  "summary_csf_k": 15.727481535193032,
  "summary_csf_mad": 130.33068282396783,
  "summary_csf_mean": 341.2446052358563,
  "summary_csf_median": 304.9009161144495,
  "summary_csf_n": 9312.0,
  "summary_csf_p05": 167.1695314347744,
  "summary_csf_p95": 592.3265002354974,
  "summary_csf_stdv": 152.23026754307648,
  "summary_gm_k": 0.3459793519507226,
  "summary_gm_mad": 77.61808754451518,
  "summary_gm_mean": 713.3533109729486,
  "summary_gm_median": 710.5112816542387,
  "summary_gm_n": 35656.0,
  "summary_gm_p05": 584.7671755701303,
  "summary_gm_p95": 854.1139864623547,
  "summary_gm_stdv": 81.39541650093827,
  "summary_wm_k": 0.42704813336498404,
  "summary_wm_mad": 61.65922842321299,
  "summary_wm_mean": 999.8774965710245,
  "summary_wm_median": 999.999982431531,
  "summary_wm_n": 369105.0,
  "summary_wm_p05": 894.0715817809105,
  "summary_wm_p95": 1104.5420991629362,
  "summary_wm_stdv": 64.28354653937306,
  "tpm_overlap_csf": 0.16678352653980255,
  "tpm_overlap_gm": 0.4305426776409149,
  "tpm_overlap_wm": 0.49989446997642517,
  "wm2max": 0.4661932085537402
}