{
  "bids_meta": {
    "DeviceSerialNumber": "66018",
    "DwellTime": 9.8e-06,
    "EchoTime": 0.00267,
    "FlipAngle": 7,
    "InstitutionAddress": "Washington Rd, Building 25, Princeton, NJ 08540, USA",
    "InstitutionName": "Princeton University",
    "InstitutionalDepartmentName": "Princeton Neuroscience Institute",
    "InversionTime": 1.2,
    "MagneticFieldStrength": 3,
    "Manufacturer": "Siemens",
    "ManufacturersModelName": "Prisma",
    "ParallelReductionFactorInPlane": 2,
    "ParellelReductionType": "TODO",
    "PartialFourier": 1,
    "PixelBandwidth": 200,
    "PulseSequenceDetails": "%SiemensSeq%_tfl",
    "PulseSequenceType": "MPRAGE",
    "ReceiveCoilActiveElements": "HC1-7;NC1",
    "ReceiveCoilName": "HeadNeck_64",
    "RepetitionTime": 2.53,
    "ScanOptions": "IR",
    "ScanningSequence": "GR_IR",
    "SequenceName": "_tfl3d1_16",
    "SequenceVariant": "SK_SP_MP",
    "SoftwareVersions": "syngo_MR_D13D",
    "StationName": "AWP66018",
    "dataset": "ds002345",
    "modality": "T1w",
    "run_id": 2,
    "subject_id": "132"
  },
  "cjv": 0.33121213569804986,
  "cnr": 3.990079925605395,
  "efc": 0.5524169333577088,
  "fber": 12600.0625,
  "fwhm_avg": 4.266939999999999,
  "fwhm_x": 4.07965,
  "fwhm_y": 4.39935,
  "fwhm_z": 4.32182,
  "icvs_csf": 0.18360286959234018,
  "icvs_gm": 0.44781847688138,
  "icvs_wm": 0.36857865352627983,
  "inu_med": 0.5782110095024109,
  "inu_range": 0.30614250898361195,
  "provenance": {
    "md5sum": "e74547055f36175f1631cdf24d0f0f17",
    "settings": {
      "testing": false
    },
    "software": "mriqc",
    "version": "22.0.6",
    "warnings": {
      "large_rot_frame": true,
      "small_air_mask": false
    },
    "webapi_port": null,
    "webapi_url": "https://mriqc.nimh.nih.gov/api/v1"
  },
  "qi_1": 0.00012508971416556734,
  "qi_2": 0.0029787937410152123,
  "rpve_csf": 23.69877677742406,
  "rpve_gm": 10.948673672756318,
  "rpve_wm": 15.656756586738727,
  "size_x": 176,
  "size_y": 256,
  "size_z": 256,
  "snr_csf": 2.0103287732343187,
  "snr_gm": 10.318351938870702,
  "snr_total": 12.19494346586113,
  "snr_wm": 24.256149685478373,
  "snrd_csf": 15.352441146112245,
  "snrd_gm": 54.51878166627958,
  "snrd_total": 49.825269903990886,
  "snrd_wm": 79.60458689958084,
  "spacing_x": 1.0,
  "spacing_y": 1.0,
  "spacing_z": 1.0,
  "summary_bg_k": 17.543608722053488,
  "summary_bg_mad": 8.229882937770853,
  "summary_bg_mean": 9.717842863218364,
  "summary_bg_median": 5.550971686840057,
  "summary_bg_n": 3140640.0,
  "summary_bg_p05": 0.0,
  "summary_bg_p95": 32.14312659204006,
  "summary_bg_stdv": 11.512625741332041,
  "summary_csf_k": 2.641070851684514,
  "summary_csf_mad": 72.23390497408336,
  "summary_csf_mean": 212.40872584539213,
  "summary_csf_median": 192.85875955224037,
  "summary_csf_n": 26831.0,
  "summary_csf_p05": 94.49779165536165,
  "summary_csf_p95": 411.1657237634063,
  "summary_csf_stdv": 95.93215206012177,
  "summary_gm_k": -0.003072034144923297,
  "summary_gm_mad": 66.61756594222622,
  "summary_gm_mean": 683.4150464359193,
  "summary_gm_median": 684.8698851466179,
  "summary_gm_n": 52181.0,
  "summary_gm_p05": 572.4252019226551,
  "summary_gm_p95": 790.1883209347725,
  "summary_gm_stdv": 66.3733246091557,
  "summary_wm_k": 0.960045615218462,
  "summary_wm_mad": 37.75736834288114,
  "summary_wm_mean": 1000.605900727668,
  "summary_wm_median": 1000.000048071146,
  "summary_wm_n": 233675.0,
  "summary_wm_p05": 934.6261044889688,
  "summary_wm_p95": 1068.674569413066,
  "summary_wm_stdv": 41.226572284201204,
  "tpm_overlap_csf": 0.17968337211841748,
  "tpm_overlap_gm": 0.4702110217128534,
  "tpm_overlap_wm": 0.5244768841598569,
  "wm2max": 0.5375836761029116
}