{
  "aor": 0.0031502040816326527,
  "aqi": 0.008524999557823128,
  "bids_meta": {
    "AcquisitionMatrixPE": 96,
    "BandwidthPerPixelPhaseEncode": 20.425,
    "BaseResolution": 96,
    "BodyPartExamined": "BRAIN",
    "ConsistencyInfo": "N4_VE11C_LATEST_20160120",
    "ConversionSoftware": "dcm2niix",
    "ConversionSoftwareVersion": "v1.0.20180328 GCC6.3.0",
    "DerivedVendorReportedEchoSpacing": 0.000509996,
    "DeviceSerialNumber": "66018",
    "DwellTime": 2.1e-06,
    "EchoTime": 0.031,
    "EchoTrainLength": 96,
    "EffectiveEchoSpacing": 0.000509996,
    "FlipAngle": 67,
    "ImageOrientationPatientDICOM": [
      1,
      0,
      0,
      0,
      1,
      0
    ],
    "ImageType": [
      "ORIGINAL",
      "PRIMARY",
      "M",
      "ND",
      "NORM",
      "MOSAIC"
    ],
    "InPlanePhaseEncodingDirectionDICOM": "COL",
    "InstitutionAddress": "Washington Rd, Princeton, NJ 08540, USA",
    "InstitutionName": "Princeton University",
    "InstitutionalDepartmentName": "Princeton Neuroscience Institute",
    "MRAcquisitionType": "2D",
    "MagneticFieldStrength": 3,
    "Manufacturer": "Siemens",
    "ManufacturersModelName": "Prisma",
    "Modality": "MR",
    "MultibandAccelerationFactor": 3,
    "NumberOfVolumesDiscardedByScanner": 3,
    "PartialFourier": 1,
    "PatientPosition": "HFS",
    "PercentPhaseFOV": 100,
    "PhaseEncodingDirection": "j-",
    "PhaseEncodingSteps": 96,
    "PhaseResolution": 1,
    "PixelBandwidth": 2480,
    "ProcedureStepDescription": "Hasson_Nastase_042518_Storyteller",
    "ProtocolName": "func_task-pieman",
    "PulseSequenceDetails": "%SiemensSeq%_ep2d_bold",
    "ReceiveCoilActiveElements": "HC1-7;NC1",
    "ReceiveCoilName": "HeadNeck_64",
    "ReconMatrixPE": 96,
    "RepetitionTime": 1.5,
    "SAR": 0.0457579,
    "ScanOptions": "FS",
    "ScanningSequence": "EP",
    "SequenceName": "_epfid2d1_96",
    "SequenceVariant": "SK",
    "SeriesDescription": "func_task-pieman",
    "SeriesNumber": 8,
    "ShimSetting": [
      761,
      528,
      2099,
      609,
      -58,
      114,
      68,
      30
    ],
    "SliceThickness": 2.5,
    "SliceTiming": [
      1.11,
      0,
      0.74,
      0.0925,
      0.8325,
      0.185,
      0.925,
      0.2775,
      1.0175,
      0.4625,
      1.2025,
      0.555,
      1.295,
      0.6475,
      1.3875,
      0.37,
      1.11,
      0,
      0.74,
      0.0925,
      0.8325,
      0.185,
      0.925,
      0.2775,
      1.0175,
      0.4625,
      1.2025,
      0.555,
      1.295,
      0.6475,
      1.3875,
      0.37,
      1.11,
      0,
      0.74,
      0.0925,
      0.8325,
      0.185,
      0.925,
      0.2775,
      1.0175,
      0.4625,
      1.2025,
      0.555,
      1.295,
      0.6475,
      1.3875,
      0.37
    ],
    "SoftwareVersions": "syngo_MR_E11",
    "SpacingBetweenSlices": 2.5,
    "StationName": "AWP66018",
    "TaskDescription": "Passively listened to audio story 'piemanpni'",
    "TaskName": "piemanpni",
    "TotalReadoutTime": 0.0484496,
    "TxRefAmp": 248.28,
    "dataset": "ds002345",
    "modality": "bold",
    "subject_id": "277",
    "task_id": "piemanpni"
  },
  "dummy_trs": 0,
  "dvars_nstd": 34.34132210177472,
  "dvars_std": 1.409489633959044,
  "dvars_vstd": 1.0377347145392488,
  "efc": 0.5182868484281258,
  "fber": 3467.470947265625,
  "fd_mean": 0.13770834267265966,
  "fd_num": 28,
  "fd_perc": 9.523809523809524,
  "fwhm_avg": 1.958478666666667,
  "fwhm_x": 1.8530360000000001,
  "fwhm_y": 2.124836,
  "fwhm_z": 1.8975639999999998,
  "gcor": 0.0284855,
  "gsr_x": -0.020392555743455887,
  "gsr_y": 0.04403380677103996,
  "provenance": {
    "md5sum": "e6ab89656058fe84879080bf0494bfb9",
    "settings": {
      "fd_thres": 0.2,
      "testing": false
    },
    "software": "mriqc",
    "version": "22.0.0rc1",
    "webapi_port": null,
    "webapi_url": "https://mriqc.nimh.nih.gov/api/v1"
  },
  "size_t": 294,
  "size_x": 96,
  "size_y": 96,
  "size_z": 48,
  "snr": 5.81688237266313,
  "spacing_tr": 1.5,
  "spacing_x": 2.5,
  "spacing_y": 2.5,
  "spacing_z": 2.5,
  "summary_bg_k": 17.701774386708724,
  "summary_bg_mad": 9.374685345856333,
  "summary_bg_mean": 46.39434051513672,
  "summary_bg_median": 13.5,
  "summary_bg_n": 291392.0,
  "summary_bg_p05": 5.217687129974365,
  "summary_bg_p95": 229.59114685058609,
  "summary_bg_stdv": 88.95576477050781,
  "summary_fg_k": 1.7165198857753756,
  "summary_fg_mad": 135.70601790260696,
  "summary_fg_mean": 811.7973022460938,
  "summary_fg_median": 808.48974609375,
  "summary_fg_n": 86106.0,
  "summary_fg_p05": 611.9863739013672,
  "summary_fg_p95": 1034.4863586425781,
  "summary_fg_stdv": 138.98941040039062,
  "tsnr": 59.951373246498406
}