{
  "aor": 0.000996846153846154,
  "aqi": 0.008212127897435896,
  "bids_meta": {
    "AcquisitionMatrixPE": 96,
    "BandwidthPerPixelPhaseEncode": 20.425,
    "BaseResolution": 96,
    "BodyPartExamined": "BRAIN",
    "ConsistencyInfo": "N4_VE11C_LATEST_20160120",
    "ConversionSoftware": "dcm2niix",
    "ConversionSoftwareVersion": "v1.0.20180328 GCC6.3.0",
    "DerivedVendorReportedEchoSpacing": 0.000509996,
    "DeviceSerialNumber": "66018",
    "DwellTime": 2.1e-06,
    "EchoTime": 0.031,
    "EchoTrainLength": 96,
    "EffectiveEchoSpacing": 0.000509996,
    "FlipAngle": 67,
    "ImageOrientationPatientDICOM": [
      1,
      0,
      0,
      0,
      1,
      0
    ],
    "ImageType": [
      "ORIGINAL",
      "PRIMARY",
      "M",
      "ND",
      "NORM",
      "MOSAIC"
    ],
    "InPlanePhaseEncodingDirectionDICOM": "COL",
    "InstitutionAddress": "Washington Rd, Princeton, NJ 08540, USA",
    "InstitutionName": "Princeton University",
    "InstitutionalDepartmentName": "Princeton Neuroscience Institute",
    "MRAcquisitionType": "2D",
    "MagneticFieldStrength": 3,
    "Manufacturer": "Siemens",
    "ManufacturersModelName": "Prisma",
    "Modality": "MR",
    "MultibandAccelerationFactor": 3,
    "NumberOfVolumesDiscardedByScanner": 3,
    "PartialFourier": 1,
    "PatientPosition": "HFS",
    "PercentPhaseFOV": 100,
    "PhaseEncodingDirection": "j-",
    "PhaseEncodingSteps": 96,
    "PhaseResolution": 1,
    "PixelBandwidth": 2480,
    "ProcedureStepDescription": "Hasson_Nastase_042518_Storyteller",
    "ProtocolName": "func_task-bronx",
    "PulseSequenceDetails": "%SiemensSeq%_ep2d_bold",
    "ReceiveCoilActiveElements": "HC1-7;NC1",
    "ReceiveCoilName": "HeadNeck_64",
    "ReconMatrixPE": 96,
    "RepetitionTime": 1.5,
    "SAR": 0.0457853,
    "ScanOptions": "FS",
    "ScanningSequence": "EP",
    "SequenceName": "_epfid2d1_96",
    "SequenceVariant": "SK",
    "SeriesDescription": "func_task-bronx",
    "SeriesNumber": 9,
    "ShimSetting": [
      761,
      528,
      2099,
      609,
      -58,
      114,
      68,
      30
    ],
    "SliceThickness": 2.5,
    "SliceTiming": [
      1.11,
      0,
      0.74,
      0.0925,
      0.8325,
      0.185,
      0.925,
      0.2775,
      1.0175,
      0.4625,
      1.2025,
      0.555,
      1.295,
      0.6475,
      1.3875,
      0.37,
      1.11,
      0,
      0.74,
      0.0925,
      0.8325,
      0.185,
      0.925,
      0.2775,
      1.0175,
      0.4625,
      1.2025,
      0.555,
      1.295,
      0.6475,
      1.3875,
      0.37,
      1.11,
      0,
      0.74,
      0.0925,
      0.8325,
      0.185,
      0.925,
      0.2775,
      1.0175,
      0.4625,
      1.2025,
      0.555,
      1.295,
      0.6475,
      1.3875,
      0.37
    ],
    "SoftwareVersions": "syngo_MR_E11",
    "SpacingBetweenSlices": 2.5,
    "StationName": "AWP66018",
    "TaskDescription": "Passively listened to audio story 'bronx'",
    "TaskName": "bronx",
    "TotalReadoutTime": 0.0484496,
    "TxRefAmp": 248.28,
    "dataset": "ds002345",
    "modality": "bold",
    "subject_id": "277",
    "task_id": "bronx"
  },
  "dummy_trs": 0,
  "dvars_nstd": 33.181920853341886,
  "dvars_std": 1.379030129717224,
  "dvars_vstd": 1.0195207546272507,
  "efc": 0.5167590369897868,
  "fber": 3525.600341796875,
  "fd_mean": 0.133214902574769,
  "fd_num": 41,
  "fd_perc": 10.512820512820513,
  "fwhm_avg": 1.9601439999999999,
  "fwhm_x": 1.851672,
  "fwhm_y": 2.1318799999999998,
  "fwhm_z": 1.8968800000000001,
  "gcor": 0.0302007,
  "gsr_x": -0.019466228783130646,
  "gsr_y": 0.043949078768491745,
  "provenance": {
    "md5sum": "fcc6892433d04e4fae4c38d58b64b549",
    "settings": {
      "fd_thres": 0.2,
      "testing": false
    },
    "software": "mriqc",
    "version": "22.0.0rc1",
    "webapi_port": null,
    "webapi_url": "https://mriqc.nimh.nih.gov/api/v1"
  },
  "size_t": 390,
  "size_x": 96,
  "size_y": 96,
  "size_z": 48,
  "snr": 5.751622973713864,
  "spacing_tr": 1.5,
  "spacing_x": 2.5,
  "spacing_y": 2.5,
  "spacing_z": 2.5,
  "summary_bg_k": 16.846676501136066,
  "summary_bg_mad": 9.176928179956887,
  "summary_bg_mean": 45.96829605102539,
  "summary_bg_median": 13.40000057220459,
  "summary_bg_n": 291867.0,
  "summary_bg_p05": 5.19487190246582,
  "summary_bg_p95": 230.6738494873048,
  "summary_bg_stdv": 87.94517517089844,
  "summary_fg_k": 1.852040225607415,
  "summary_fg_mad": 136.36519855816752,
  "summary_fg_mean": 810.606201171875,
  "summary_fg_median": 807.484619140625,
  "summary_fg_n": 85771.0,
  "summary_fg_p05": 609.7230834960938,
  "summary_fg_p95": 1034.748779296875,
  "summary_fg_stdv": 140.39166259765625,
  "tsnr": 63.67127716890536
}