{
  "aor": 0.000734528846153846,
  "aqi": 0.014011356826923076,
  "bids_meta": {
    "CogAtlasID": "https://www.cognitiveatlas.org/task/id/trm_4c8991fadfe01",
    "DeviceSerialNumber": "45031",
    "DwellTime": 5.4e-06,
    "EchoTime": 0.028,
    "EffectiveEchoSpacing": 0.000390001,
    "FlipAngle": 64,
    "InstitutionAddress": "Washington Rd, Princeton, NJ 08540, USA",
    "InstitutionName": "Princeton University",
    "InstitutionalDepartmentName": "Princeton Neuroscience Institute",
    "MagneticFieldStrength": 3,
    "Manufacturer": "Siemens",
    "ManufacturersModelName": "Skyra",
    "NumberOfVolumesDiscardedByScanner": 3,
    "ParallelReductionFactorInPlane": 2,
    "ParallelReductionType": "GRAPPA",
    "PartialFourier": 1,
    "PhaseEncodingDirection": "j-",
    "PixelBandwidth": 1445,
    "PulseSequenceDetails": "%SiemensSeq%_ep2d_bold",
    "PulseSequenceType": "Gradient Echo EPI",
    "ReceiveCoilActiveElements": "HE1-4",
    "ReceiveCoilName": "HeadNeck_20",
    "RepetitionTime": 1.5,
    "ScanOptions": "FS",
    "ScanningSequence": "EP",
    "SequenceName": "_epfid2d1_64",
    "SequenceVariant": "SK",
    "SliceTiming": [
      0,
      0.7775,
      0.055,
      0.8325,
      0.1125,
      0.89,
      0.1675,
      0.945,
      0.2225,
      1,
      0.2775,
      1.055,
      0.3325,
      1.11,
      0.39,
      1.1675,
      0.445,
      1.2225,
      0.5,
      1.2775,
      0.555,
      1.3325,
      0.6125,
      1.39,
      0.6675,
      1.445,
      0.7225
    ],
    "SoftwareVersions": "syngo_MR_D11",
    "StationName": "AWP45031",
    "TaskDescription": "Passively listened to audio story 'tunnel'",
    "TaskName": "tunnel",
    "TotalReadoutTime": 0.0245701,
    "dataset": "ds002345",
    "modality": "bold",
    "subject_id": "053",
    "task_id": "tunnel"
  },
  "dummy_trs": 0,
  "dvars_nstd": 22.072580985409033,
  "dvars_std": 1.1485253023869102,
  "dvars_vstd": 0.9533863486236774,
  "efc": 0.6357822292966671,
  "fber": 980.6758422851562,
  "fd_mean": 0.15262703765819563,
  "fd_num": 160,
  "fd_perc": 15.384615384615385,
  "fwhm_avg": 1.861506032726141,
  "fwhm_x": 1.82217,
  "fwhm_y": 2.0897200000000002,
  "fwhm_z": 1.6726280981784218,
  "gcor": 0.0778046,
  "gsr_x": -0.0060020750388503075,
  "gsr_y": 0.055168867111206055,
  "provenance": {
    "md5sum": "650f630f6f5399463b69de1b69504796",
    "settings": {
      "fd_thres": 0.2,
      "testing": false
    },
    "software": "mriqc",
    "version": "21.0.0rc2",
    "webapi_port": null,
    "webapi_url": "https://mriqc.nimh.nih.gov/api/v1"
  },
  "size_t": 1040,
  "size_x": 64,
  "size_y": 64,
  "size_z": 27,
  "snr": 7.0917073001224225,
  "spacing_tr": 1.5,
  "spacing_x": 3.0,
  "spacing_y": 3.0,
  "spacing_z": 3.9999985694885254,
  "summary_bg_k": 14.86719290613004,
  "summary_bg_mad": 21.24255501819161,
  "summary_bg_mean": 58.4424934387207,
  "summary_bg_median": 23.66490364074707,
  "summary_bg_n": 51426.0,
  "summary_bg_p05": 7.450240254402161,
  "summary_bg_p95": 215.73918533325195,
  "summary_bg_stdv": 80.90115356445312,
  "summary_fg_k": 1.7576248914545216,
  "summary_fg_mad": 104.05589014103298,
  "summary_fg_mean": 795.2809448242188,
  "summary_fg_median": 786.1918334960938,
  "summary_fg_n": 31272.0,
  "summary_fg_p05": 637.4539367675782,
  "summary_fg_p95": 983.8157836914062,
  "summary_fg_stdv": 110.85895538330078,
  "tsnr": 52.748603087849915
}