{
  "aor": 0.0006154,
  "aqi": 0.005045949733333333,
  "bids_meta": {
    "CogAtlasID": "https://www.cognitiveatlas.org/task/id/trm_4c8991fadfe01",
    "DeviceSerialNumber": "45031",
    "DwellTime": 5.4e-06,
    "EchoTime": 0.028,
    "EffectiveEchoSpacing": 0.000390001,
    "FlipAngle": 64,
    "InstitutionAddress": "Washington Rd, Princeton, NJ 08540, USA",
    "InstitutionName": "Princeton University",
    "InstitutionalDepartmentName": "Princeton Neuroscience Institute",
    "MagneticFieldStrength": 3,
    "Manufacturer": "Siemens",
    "ManufacturersModelName": "Skyra",
    "NumberOfVolumesDiscardedByScanner": 3,
    "ParallelReductionFactorInPlane": 2,
    "ParallelReductionType": "GRAPPA",
    "PartialFourier": 1,
    "PhaseEncodingDirection": "j-",
    "PixelBandwidth": 1445,
    "PulseSequenceDetails": "%SiemensSeq%_ep2d_bold",
    "PulseSequenceType": "Gradient Echo EPI",
    "ReceiveCoilActiveElements": "HE1-4",
    "ReceiveCoilName": "HeadNeck_20",
    "RepetitionTime": 1.5,
    "ScanOptions": "FS",
    "ScanningSequence": "EP",
    "SequenceName": "_epfid2d1_64",
    "SequenceVariant": "SK",
    "SliceTiming": [
      0,
      0.7775,
      0.055,
      0.8325,
      0.11,
      0.89,
      0.1675,
      0.945,
      0.2225,
      1,
      0.2775,
      1.055,
      0.3325,
      1.11,
      0.39,
      1.1675,
      0.445,
      1.2225,
      0.5,
      1.2775,
      0.555,
      1.3325,
      0.61,
      1.3875,
      0.6675,
      1.445,
      0.7225
    ],
    "SoftwareVersions": "syngo_MR_D11",
    "StationName": "AWP45031",
    "TaskDescription": "Passively listened to audio story 'pieman'",
    "TaskName": "pieman",
    "TotalReadoutTime": 0.0245701,
    "dataset": "ds002345",
    "modality": "bold",
    "run_id": 2,
    "subject_id": "006",
    "task_id": "pieman"
  },
  "dummy_trs": 0,
  "dvars_nstd": 22.696714343779274,
  "dvars_std": 1.2618745963210707,
  "dvars_vstd": 0.992031971070233,
  "efc": 0.5899301711877186,
  "fber": 1798.3663330078125,
  "fd_mean": 0.11508164541262966,
  "fd_num": 7,
  "fd_perc": 2.3333333333333335,
  "fwhm_avg": 1.7074332382739572,
  "fwhm_x": 1.6897466666666665,
  "fwhm_y": 1.8998,
  "fwhm_z": 1.5327530481552059,
  "gcor": 0.0235834,
  "gsr_x": 0.0021626590751111507,
  "gsr_y": 0.04881024360656738,
  "provenance": {
    "md5sum": "b7932a362d0eef08f5c3087c95988428",
    "settings": {
      "fd_thres": 0.2,
      "testing": false
    },
    "software": "mriqc",
    "version": "21.0.0rc2",
    "webapi_port": null,
    "webapi_url": "https://mriqc.nimh.nih.gov/api/v1"
  },
  "size_t": 300,
  "size_x": 64,
  "size_y": 64,
  "size_z": 27,
  "snr": 6.295802647925919,
  "spacing_tr": 1.5,
  "spacing_x": 3.0,
  "spacing_y": 3.0,
  "spacing_z": 3.9999985694885254,
  "summary_bg_k": 22.0679487324156,
  "summary_bg_mad": 11.178820670975453,
  "summary_bg_mean": 40.29343032836914,
  "summary_bg_median": 15.74666690826416,
  "summary_bg_n": 54588.0,
  "summary_bg_p05": 6.811166691780092,
  "summary_bg_p95": 158.6653358459472,
  "summary_bg_stdv": 70.94560241699219,
  "summary_fg_k": 1.8407112731940911,
  "summary_fg_mad": 105.11893149612908,
  "summary_fg_mean": 715.0643920898438,
  "summary_fg_median": 703.0533447265625,
  "summary_fg_n": 27270.0,
  "summary_fg_p05": 562.3761901855469,
  "summary_fg_p95": 905.1480316162109,
  "summary_fg_stdv": 111.66812133789062,
  "tsnr": 76.46486499463208
}