{
  "aor": 0.0033724999999999996,
  "aqi": 0.0083776684,
  "bids_meta": {
    "CogAtlasID": "https://www.cognitiveatlas.org/task/id/trm_4c8991fadfe01",
    "DeviceSerialNumber": "45031",
    "DwellTime": 5.4e-06,
    "EchoTime": 0.028,
    "EffectiveEchoSpacing": 0.000390001,
    "FlipAngle": 64,
    "InstitutionAddress": "Washington Rd, Princeton, NJ 08540, USA",
    "InstitutionName": "Princeton University",
    "InstitutionalDepartmentName": "Princeton Neuroscience Institute",
    "MagneticFieldStrength": 3,
    "Manufacturer": "Siemens",
    "ManufacturersModelName": "Skyra",
    "NumberOfVolumesDiscardedByScanner": 3,
    "ParallelReductionFactorInPlane": 2,
    "ParallelReductionType": "GRAPPA",
    "PartialFourier": 1,
    "PhaseEncodingDirection": "j-",
    "PixelBandwidth": 1445,
    "PulseSequenceDetails": "%SiemensSeq%_ep2d_bold",
    "PulseSequenceType": "Gradient Echo EPI",
    "ReceiveCoilActiveElements": "HE1-4",
    "ReceiveCoilName": "HeadNeck_20",
    "RepetitionTime": 1.5,
    "ScanOptions": "FS",
    "ScanningSequence": "EP",
    "SequenceName": "_epfid2d1_64",
    "SequenceVariant": "SK",
    "SliceTiming": [
      0,
      0.7775,
      0.055,
      0.8325,
      0.11,
      0.89,
      0.1675,
      0.945,
      0.2225,
      1,
      0.2775,
      1.055,
      0.3325,
      1.11,
      0.39,
      1.1675,
      0.445,
      1.2225,
      0.5,
      1.2775,
      0.555,
      1.3325,
      0.61,
      1.3875,
      0.6675,
      1.445,
      0.7225
    ],
    "SoftwareVersions": "syngo_MR_D11",
    "StationName": "AWP45031",
    "TaskDescription": "Passively listened to audio story 'pieman'",
    "TaskName": "pieman",
    "TotalReadoutTime": 0.0245701,
    "dataset": "ds002345",
    "modality": "bold",
    "run_id": 1,
    "subject_id": "006",
    "task_id": "pieman"
  },
  "dummy_trs": 0,
  "dvars_nstd": 24.223901385150494,
  "dvars_std": 1.2569207749832778,
  "dvars_vstd": 0.9940950371237451,
  "efc": 0.5899275794259726,
  "fber": 1855.8590087890625,
  "fd_mean": 0.14814725371092638,
  "fd_num": 48,
  "fd_perc": 16.0,
  "fwhm_avg": 1.704904348674581,
  "fwhm_x": 1.6900000000000002,
  "fwhm_y": 1.89792,
  "fwhm_z": 1.5267930460237429,
  "gcor": 0.0292144,
  "gsr_x": 0.003357651410624385,
  "gsr_y": 0.04813137277960777,
  "provenance": {
    "md5sum": "e9fb00ec3927cc3c512ae994985458e3",
    "settings": {
      "fd_thres": 0.2,
      "testing": false
    },
    "software": "mriqc",
    "version": "21.0.0rc2",
    "webapi_port": null,
    "webapi_url": "https://mriqc.nimh.nih.gov/api/v1"
  },
  "size_t": 300,
  "size_x": 64,
  "size_y": 64,
  "size_z": 27,
  "snr": 6.352847926894096,
  "spacing_tr": 1.5,
  "spacing_x": 3.0,
  "spacing_y": 3.0,
  "spacing_z": 3.9999985694885254,
  "summary_bg_k": 20.91255673429944,
  "summary_bg_mad": 11.099748628064201,
  "summary_bg_mean": 40.21534729003906,
  "summary_bg_median": 15.623333930969238,
  "summary_bg_n": 54672.0,
  "summary_bg_p05": 6.8566670417785645,
  "summary_bg_p95": 159.8866729736328,
  "summary_bg_stdv": 70.0833511352539,
  "summary_fg_k": 1.864721669529536,
  "summary_fg_mad": 103.91562931103519,
  "summary_fg_mean": 716.72705078125,
  "summary_fg_median": 705.2633666992188,
  "summary_fg_n": 27311.0,
  "summary_fg_p05": 566.3833618164062,
  "summary_fg_p95": 905.4283752441406,
  "summary_fg_stdv": 111.01327514648438,
  "tsnr": 63.66500567365438
}