{
  "aor": 0.0005779896907216494,
  "aqi": 0.009492008840206186,
  "bids_meta": {
    "AcquisitionMatrixPE": 96,
    "BandwidthPerPixelPhaseEncode": 20.425,
    "BaseResolution": 96,
    "BodyPartExamined": "BRAIN",
    "ConsistencyInfo": "N4_VE11C_LATEST_20160120",
    "ConversionSoftware": "dcm2niix",
    "ConversionSoftwareVersion": "v1.0.20180328 GCC6.3.0",
    "DerivedVendorReportedEchoSpacing": 0.000509996,
    "DeviceSerialNumber": "66018",
    "DwellTime": 2.1e-06,
    "EchoTime": 0.031,
    "EchoTrainLength": 96,
    "EffectiveEchoSpacing": 0.000509996,
    "FlipAngle": 67,
    "ImageOrientationPatientDICOM": [
      1,
      0,
      0,
      0,
      1,
      0
    ],
    "ImageType": [
      "ORIGINAL",
      "PRIMARY",
      "M",
      "ND",
      "NORM",
      "MOSAIC"
    ],
    "InPlanePhaseEncodingDirectionDICOM": "COL",
    "InstitutionAddress": "Washington Rd, Princeton, NJ 08540, USA",
    "InstitutionName": "Princeton University",
    "InstitutionalDepartmentName": "Princeton Neuroscience Institute",
    "MRAcquisitionType": "2D",
    "MagneticFieldStrength": 3,
    "Manufacturer": "Siemens",
    "ManufacturersModelName": "Prisma",
    "Modality": "MR",
    "MultibandAccelerationFactor": 3,
    "NumberOfVolumesDiscardedByScanner": 3,
    "PartialFourier": 1,
    "PatientPosition": "HFS",
    "PercentPhaseFOV": 100,
    "PhaseEncodingDirection": "j-",
    "PhaseEncodingSteps": 96,
    "PhaseResolution": 1,
    "PixelBandwidth": 2480,
    "ProcedureStepDescription": "Hasson_Nastase_042518_Storyteller",
    "ProtocolName": "func_task-bronx",
    "PulseSequenceDetails": "%SiemensSeq%_ep2d_bold",
    "ReceiveCoilActiveElements": "HC1-7;NC1,2",
    "ReceiveCoilName": "HeadNeck_64",
    "ReconMatrixPE": 96,
    "RepetitionTime": 1.5,
    "SAR": 0.0522181,
    "ScanOptions": "FS",
    "ScanningSequence": "EP",
    "SequenceName": "_epfid2d1_96",
    "SequenceVariant": "SK",
    "SeriesDescription": "func_task-bronx",
    "SeriesNumber": 7,
    "ShimSetting": [
      762,
      544,
      2130,
      563,
      -62,
      219,
      256,
      22
    ],
    "SliceThickness": 2.5,
    "SliceTiming": [
      1.11,
      0,
      0.74,
      0.0925,
      0.8325,
      0.185,
      0.925,
      0.2775,
      1.0175,
      0.4625,
      1.2025,
      0.555,
      1.295,
      0.6475,
      1.3875,
      0.37,
      1.11,
      0,
      0.74,
      0.0925,
      0.8325,
      0.185,
      0.925,
      0.2775,
      1.0175,
      0.4625,
      1.2025,
      0.555,
      1.295,
      0.6475,
      1.3875,
      0.37,
      1.11,
      0,
      0.74,
      0.0925,
      0.8325,
      0.185,
      0.925,
      0.2775,
      1.0175,
      0.4625,
      1.2025,
      0.555,
      1.295,
      0.6475,
      1.3875,
      0.37
    ],
    "SoftwareVersions": "syngo_MR_E11",
    "SpacingBetweenSlices": 2.5,
    "StationName": "AWP66018",
    "TaskDescription": "Passively listened to audio story 'bronx'",
    "TaskName": "bronx",
    "TotalReadoutTime": 0.0484496,
    "TxRefAmp": 258.257,
    "dataset": "ds002345",
    "modality": "bold",
    "subject_id": "300",
    "task_id": "bronx"
  },
  "dummy_trs": 2,
  "dvars_nstd": 31.428343198604622,
  "dvars_std": 1.2771321803100777,
  "dvars_vstd": 0.9504722217312664,
  "efc": 0.5012610745273902,
  "fber": 3292.524658203125,
  "fd_mean": 0.15176813546883633,
  "fd_num": 96,
  "fd_perc": 24.742268041237114,
  "fwhm_avg": 1.9877613333333333,
  "fwhm_x": 1.885772,
  "fwhm_y": 2.12718,
  "fwhm_z": 1.950332,
  "gcor": 0.0242553,
  "gsr_x": -0.01913304068148136,
  "gsr_y": 0.049051448702812195,
  "provenance": {
    "md5sum": "2ae456a868a101ff6a2aceed8d293f79",
    "settings": {
      "fd_thres": 0.2,
      "testing": false
    },
    "software": "mriqc",
    "version": "22.0.0rc1",
    "webapi_port": null,
    "webapi_url": "https://mriqc.nimh.nih.gov/api/v1"
  },
  "size_t": 388,
  "size_x": 96,
  "size_y": 96,
  "size_z": 48,
  "snr": 4.802837618058495,
  "spacing_tr": 1.5,
  "spacing_x": 2.5,
  "spacing_y": 2.5,
  "spacing_z": 2.5,
  "summary_bg_k": 53.08489019488138,
  "summary_bg_mad": 8.146669259073622,
  "summary_bg_mean": 34.0163459777832,
  "summary_bg_median": 12.667525291442871,
  "summary_bg_n": 291614.0,
  "summary_bg_p05": 5.4587626457214355,
  "summary_bg_p95": 141.20025558471667,
  "summary_bg_stdv": 68.77327728271484,
  "summary_fg_k": 1.3714131183054166,
  "summary_fg_mad": 143.75513448188946,
  "summary_fg_mean": 740.509521484375,
  "summary_fg_median": 729.1339721679688,
  "summary_fg_n": 86549.0,
  "summary_fg_p05": 527.4912475585937,
  "summary_fg_p95": 998.912854003906,
  "summary_fg_stdv": 151.81228637695312,
  "tsnr": 54.29626423213631
}