{
  "aor": 0.0005761324041811845,
  "aqi": 0.02161569111498258,
  "bids_meta": {
    "AcquisitionMatrixPE": 96,
    "BandwidthPerPixelPhaseEncode": 20.425,
    "BaseResolution": 96,
    "BodyPartExamined": "BRAIN",
    "ConsistencyInfo": "N4_VE11C_LATEST_20160120",
    "ConversionSoftware": "dcm2niix",
    "ConversionSoftwareVersion": "v1.0.20180328 GCC6.3.0",
    "DerivedVendorReportedEchoSpacing": 0.000509996,
    "DeviceSerialNumber": "66018",
    "DwellTime": 2.1e-06,
    "EchoTime": 0.031,
    "EchoTrainLength": 96,
    "EffectiveEchoSpacing": 0.000509996,
    "FlipAngle": 67,
    "ImageOrientationPatientDICOM": [
      1,
      0,
      0,
      0,
      1,
      0
    ],
    "ImageType": [
      "ORIGINAL",
      "PRIMARY",
      "M",
      "ND",
      "NORM",
      "MOSAIC"
    ],
    "InPlanePhaseEncodingDirectionDICOM": "COL",
    "InstitutionAddress": "Washington Rd, Princeton, NJ 08540, USA",
    "InstitutionName": "Princeton University",
    "InstitutionalDepartmentName": "Princeton Neuroscience Institute",
    "MRAcquisitionType": "2D",
    "MagneticFieldStrength": 3,
    "Manufacturer": "Siemens",
    "ManufacturersModelName": "Prisma",
    "Modality": "MR",
    "MultibandAccelerationFactor": 3,
    "NumberOfVolumesDiscardedByScanner": 3,
    "PartialFourier": 1,
    "PatientPosition": "HFS",
    "PercentPhaseFOV": 100,
    "PhaseEncodingDirection": "j-",
    "PhaseEncodingSteps": 96,
    "PhaseResolution": 1,
    "PixelBandwidth": 2480,
    "ProcedureStepDescription": "Hasson_Nastase_042518_Storyteller",
    "ProtocolName": "func_task-forgot",
    "PulseSequenceDetails": "%SiemensSeq%_ep2d_bold",
    "ReceiveCoilActiveElements": "HC1-7;NC1,2",
    "ReceiveCoilName": "HeadNeck_64",
    "ReconMatrixPE": 96,
    "RepetitionTime": 1.5,
    "SAR": 0.0522491,
    "ScanOptions": "FS",
    "ScanningSequence": "EP",
    "SequenceName": "_epfid2d1_96",
    "SequenceVariant": "SK",
    "SeriesDescription": "func_task-forgot",
    "SeriesNumber": 10,
    "ShimSetting": [
      762,
      544,
      2130,
      563,
      -62,
      219,
      256,
      22
    ],
    "SliceThickness": 2.5,
    "SliceTiming": [
      1.11,
      0,
      0.74,
      0.0925,
      0.8325,
      0.185,
      0.925,
      0.2775,
      1.0175,
      0.4625,
      1.2025,
      0.555,
      1.295,
      0.6475,
      1.3875,
      0.37,
      1.11,
      0,
      0.74,
      0.0925,
      0.8325,
      0.185,
      0.925,
      0.2775,
      1.0175,
      0.4625,
      1.2025,
      0.555,
      1.295,
      0.6475,
      1.3875,
      0.37,
      1.11,
      0,
      0.74,
      0.0925,
      0.8325,
      0.185,
      0.925,
      0.2775,
      1.0175,
      0.4625,
      1.2025,
      0.555,
      1.295,
      0.6475,
      1.3875,
      0.37
    ],
    "SoftwareVersions": "syngo_MR_E11",
    "SpacingBetweenSlices": 2.5,
    "StationName": "AWP66018",
    "TaskDescription": "Passively listened to audio story 'forgot'",
    "TaskName": "forgot",
    "TotalReadoutTime": 0.0484496,
    "TxRefAmp": 258.257,
    "dataset": "ds002345",
    "modality": "bold",
    "subject_id": "300",
    "task_id": "forgot"
  },
  "dummy_trs": 0,
  "dvars_nstd": 31.965426639877876,
  "dvars_std": 1.1612867246596856,
  "dvars_vstd": 0.9326939454450252,
  "efc": 0.5032364318239696,
  "fber": 3120.994873046875,
  "fd_mean": 0.21351665160466954,
  "fd_num": 255,
  "fd_perc": 44.42508710801394,
  "fwhm_avg": 2.0267560000000002,
  "fwhm_x": 1.9287320000000001,
  "fwhm_y": 2.180284,
  "fwhm_z": 1.9712520000000002,
  "gcor": 0.0113601,
  "gsr_x": -0.02004479058086872,
  "gsr_y": 0.048421453684568405,
  "provenance": {
    "md5sum": "1358e9414d2c36a38b55e747c0ff9dfa",
    "settings": {
      "fd_thres": 0.2,
      "testing": false
    },
    "software": "mriqc",
    "version": "22.0.0rc1",
    "webapi_port": null,
    "webapi_url": "https://mriqc.nimh.nih.gov/api/v1"
  },
  "size_t": 574,
  "size_x": 96,
  "size_y": 96,
  "size_z": 48,
  "snr": 4.801559604404146,
  "spacing_tr": 1.5,
  "spacing_x": 2.5,
  "spacing_y": 2.5,
  "spacing_z": 2.5,
  "summary_bg_k": 45.726474537084265,
  "summary_bg_mad": 8.314454156078986,
  "summary_bg_mean": 35.02140808105469,
  "summary_bg_median": 12.886759757995605,
  "summary_bg_n": 291486.0,
  "summary_bg_p05": 5.559233665466309,
  "summary_bg_p95": 144.83928298950195,
  "summary_bg_stdv": 68.85579681396484,
  "summary_fg_k": 1.4229638013778976,
  "summary_fg_mad": 141.36508993872724,
  "summary_fg_mean": 731.3041381835938,
  "summary_fg_median": 718.73779296875,
  "summary_fg_n": 85704.0,
  "summary_fg_p05": 521.2552337646484,
  "summary_fg_p95": 986.6443359374999,
  "summary_fg_stdv": 149.68753051757812,
  "tsnr": 37.64591561816633
}