{
  "aor": 0.001705544217687075,
  "aqi": 0.006413972244897959,
  "bids_meta": {
    "AcquisitionMatrixPE": 96,
    "BandwidthPerPixelPhaseEncode": 20.425,
    "BaseResolution": 96,
    "BodyPartExamined": "BRAIN",
    "ConsistencyInfo": "N4_VE11C_LATEST_20160120",
    "ConversionSoftware": "dcm2niix",
    "ConversionSoftwareVersion": "v1.0.20180328 GCC6.3.0",
    "DerivedVendorReportedEchoSpacing": 0.000509996,
    "DeviceSerialNumber": "66018",
    "DwellTime": 2.1e-06,
    "EchoTime": 0.031,
    "EchoTrainLength": 96,
    "EffectiveEchoSpacing": 0.000509996,
    "FlipAngle": 67,
    "ImageOrientationPatientDICOM": [
      1,
      0,
      0,
      0,
      1,
      0
    ],
    "ImageType": [
      "ORIGINAL",
      "PRIMARY",
      "M",
      "ND",
      "NORM",
      "MOSAIC"
    ],
    "InPlanePhaseEncodingDirectionDICOM": "COL",
    "InstitutionAddress": "Washington Rd, Princeton, NJ 08540, USA",
    "InstitutionName": "Princeton University",
    "InstitutionalDepartmentName": "Princeton Neuroscience Institute",
    "MRAcquisitionType": "2D",
    "MagneticFieldStrength": 3,
    "Manufacturer": "Siemens",
    "ManufacturersModelName": "Prisma",
    "Modality": "MR",
    "MultibandAccelerationFactor": 3,
    "NumberOfVolumesDiscardedByScanner": 3,
    "PartialFourier": 1,
    "PatientPosition": "HFS",
    "PercentPhaseFOV": 100,
    "PhaseEncodingDirection": "j-",
    "PhaseEncodingSteps": 96,
    "PhaseResolution": 1,
    "PixelBandwidth": 2480,
    "ProcedureStepDescription": "Hasson_Nastase_042518_Storyteller",
    "ProtocolName": "func_task-pieman",
    "PulseSequenceDetails": "%SiemensSeq%_ep2d_bold",
    "ReceiveCoilActiveElements": "HC1-7;NC1,2",
    "ReceiveCoilName": "HeadNeck_64",
    "ReconMatrixPE": 96,
    "RepetitionTime": 1.5,
    "SAR": 0.0521869,
    "ScanOptions": "FS",
    "ScanningSequence": "EP",
    "SequenceName": "_epfid2d1_96",
    "SequenceVariant": "SK",
    "SeriesDescription": "func_task-pieman",
    "SeriesNumber": 8,
    "ShimSetting": [
      762,
      544,
      2130,
      563,
      -62,
      219,
      256,
      22
    ],
    "SliceThickness": 2.5,
    "SliceTiming": [
      1.11,
      0,
      0.74,
      0.0925,
      0.8325,
      0.185,
      0.925,
      0.2775,
      1.0175,
      0.4625,
      1.2025,
      0.555,
      1.295,
      0.6475,
      1.3875,
      0.37,
      1.11,
      0,
      0.74,
      0.0925,
      0.8325,
      0.185,
      0.925,
      0.2775,
      1.0175,
      0.4625,
      1.2025,
      0.555,
      1.295,
      0.6475,
      1.3875,
      0.37,
      1.11,
      0,
      0.74,
      0.0925,
      0.8325,
      0.185,
      0.925,
      0.2775,
      1.0175,
      0.4625,
      1.2025,
      0.555,
      1.295,
      0.6475,
      1.3875,
      0.37
    ],
    "SoftwareVersions": "syngo_MR_E11",
    "SpacingBetweenSlices": 2.5,
    "StationName": "AWP66018",
    "TaskDescription": "Passively listened to audio story 'piemanpni'",
    "TaskName": "piemanpni",
    "TotalReadoutTime": 0.0484496,
    "TxRefAmp": 258.257,
    "dataset": "ds002345",
    "modality": "bold",
    "subject_id": "300",
    "task_id": "piemanpni"
  },
  "dummy_trs": 0,
  "dvars_nstd": 31.421802169249144,
  "dvars_std": 1.3687970813993184,
  "dvars_vstd": 1.0124915678498287,
  "efc": 0.500686352230947,
  "fber": 3228.674560546875,
  "fd_mean": 0.1390582323016308,
  "fd_num": 54,
  "fd_perc": 18.367346938775512,
  "fwhm_avg": 1.9883253333333333,
  "fwhm_x": 1.89272,
  "fwhm_y": 2.121368,
  "fwhm_z": 1.9508880000000002,
  "gcor": 0.0125536,
  "gsr_x": -0.01865892857313156,
  "gsr_y": 0.047816935926675797,
  "provenance": {
    "md5sum": "d89275e6a45caf83d3726cf7cf0b5f78",
    "settings": {
      "fd_thres": 0.2,
      "testing": false
    },
    "software": "mriqc",
    "version": "22.0.0rc1",
    "webapi_port": null,
    "webapi_url": "https://mriqc.nimh.nih.gov/api/v1"
  },
  "size_t": 294,
  "size_x": 96,
  "size_y": 96,
  "size_z": 48,
  "snr": 4.784922776639465,
  "spacing_tr": 1.5,
  "spacing_x": 2.5,
  "spacing_y": 2.5,
  "spacing_z": 2.5,
  "summary_bg_k": 50.18458562293264,
  "summary_bg_mad": 8.088755109913247,
  "summary_bg_mean": 33.97904968261719,
  "summary_bg_median": 12.755102157592773,
  "summary_bg_n": 291971.0,
  "summary_bg_p05": 5.5204081535339355,
  "summary_bg_p95": 143.1394500732422,
  "summary_bg_stdv": 68.11566162109375,
  "summary_fg_k": 1.341349066642362,
  "summary_fg_mad": 144.18559949369558,
  "summary_fg_mean": 739.4166870117188,
  "summary_fg_median": 728.153076171875,
  "summary_fg_n": 86162.0,
  "summary_fg_p05": 524.7933319091796,
  "summary_fg_p95": 998.6317779541015,
  "summary_fg_stdv": 152.17567443847656,
  "tsnr": 64.16704965871759
}