{
  "aor": 0.00587984126984127,
  "aqi": 0.00638097238095238,
  "bids_meta": {
    "CogAtlasID": "https://www.cognitiveatlas.org/task/id/trm_4c8991fadfe01",
    "DeviceSerialNumber": "66018",
    "DwellTime": 4.2e-06,
    "EchoTime": 0.039,
    "EffectiveEchoSpacing": 0.000929976,
    "FlipAngle": 50,
    "InstitutionAddress": "Washington Rd, Princeton, NJ 08540, USA",
    "InstitutionName": "Princeton University",
    "InstitutionalDepartmentName": "Princeton Neuroscience Institute",
    "MagneticFieldStrength": 3,
    "Manufacturer": "Siemens",
    "ManufacturersModelName": "Prisma",
    "NumberOfVolumesDiscardedByScanner": 3,
    "ParallelReductionType": "GRAPPA",
    "PartialFourier": 0.75,
    "PhaseEncodingDirection": "j-",
    "PixelBandwidth": 1240,
    "PulseSequenceDetails": "%CustomerSeq%_ep2d_bold_sms_mgh_v22",
    "PulseSequenceType": "Gradient Echo EPI",
    "ReceiveCoilActiveElements": "HC1-7;NC1,2",
    "ReceiveCoilName": "HeadNeck_64",
    "RepetitionTime": 1.5,
    "ScanOptions": "PFP_FS",
    "ScanningSequence": "EP",
    "SequenceName": "epfSM2d1_96",
    "SequenceVariant": "SK",
    "SliceTiming": [
      0.6925,
      0,
      0.79,
      0.1,
      0.8875,
      0.1975,
      0.9875,
      0.2975,
      1.085,
      0.395,
      1.185,
      0.495,
      1.2825,
      0.5925,
      1.3825,
      0.6925,
      0,
      0.79,
      0.1,
      0.8875,
      0.1975,
      0.9875,
      0.2975,
      1.085,
      0.395,
      1.185,
      0.495,
      1.2825,
      0.5925,
      1.3825,
      0.6925,
      0,
      0.79,
      0.1,
      0.8875,
      0.1975,
      0.9875,
      0.2975,
      1.085,
      0.395,
      1.185,
      0.495,
      1.2825,
      0.5925,
      1.3825,
      0.6925,
      0,
      0.79,
      0.1,
      0.8875,
      0.1975,
      0.9875,
      0.2975,
      1.085,
      0.395,
      1.185,
      0.495,
      1.2825,
      0.5925,
      1.3825
    ],
    "SoftwareVersions": "syngo_MR_D13D",
    "StationName": "AWP66018",
    "TaskDescription": "Passively listened to audio story 'schema'",
    "TaskName": "schema",
    "TotalReadoutTime": 0.0883478,
    "dataset": "ds002345",
    "modality": "bold",
    "run_id": 2,
    "subject_id": "182",
    "task_id": "schema"
  },
  "dummy_trs": 0,
  "dvars_nstd": 45.19715921906561,
  "dvars_std": 1.1716795384294227,
  "dvars_vstd": 1.0202964074155059,
  "efc": 0.5534965748333168,
  "fber": 298.6702880859375,
  "fd_mean": 0.1992444498108796,
  "fd_num": 113,
  "fd_perc": 22.42063492063492,
  "fwhm_avg": 2.934718333333334,
  "fwhm_x": 2.83941,
  "fwhm_y": 2.99058,
  "fwhm_z": 2.974165,
  "gcor": 0.0177725,
  "gsr_x": -0.006957578472793102,
  "gsr_y": 0.059316281229257584,
  "provenance": {
    "md5sum": "90bb4fd5b42f2c766eb981d8ef9de680",
    "settings": {
      "fd_thres": 0.2,
      "testing": false
    },
    "software": "mriqc",
    "version": "22.0.6",
    "webapi_port": null,
    "webapi_url": "https://mriqc.nimh.nih.gov/api/v1"
  },
  "size_t": 504,
  "size_x": 96,
  "size_y": 96,
  "size_z": 60,
  "snr": 1.6627120476655473,
  "spacing_tr": 1.5,
  "spacing_x": 2.0,
  "spacing_y": 2.0,
  "spacing_z": 2.0,
  "summary_bg_k": 54.371262205479695,
  "summary_bg_mad": 8.283748062882797,
  "summary_bg_mean": 48.61545181274414,
  "summary_bg_median": 29.944446563720703,
  "summary_bg_n": 317005.0,
  "summary_bg_p05": 22.60317611694336,
  "summary_bg_p95": 136.1428680419922,
  "summary_bg_stdv": 53.82398223876953,
  "summary_fg_k": 7.574705916867249,
  "summary_fg_mad": 235.31306074325542,
  "summary_fg_mean": 608.9232788085938,
  "summary_fg_median": 534.7282104492188,
  "summary_fg_n": 145903.0,
  "summary_fg_p05": 267.44664001464844,
  "summary_fg_p95": 1209.2837890624999,
  "summary_fg_stdv": 321.5989074707031,
  "tsnr": 33.382992640603334
}