{
  "aor": 0.0038999596774193547,
  "aqi": 0.00665357939516129,
  "bids_meta": {
    "CogAtlasID": "https://www.cognitiveatlas.org/task/id/trm_4c8991fadfe01",
    "DeviceSerialNumber": "66018",
    "DwellTime": 4.2e-06,
    "EchoTime": 0.039,
    "EffectiveEchoSpacing": 0.000929976,
    "FlipAngle": 50,
    "InstitutionAddress": "Washington Rd, Princeton, NJ 08540, USA",
    "InstitutionName": "Princeton University",
    "InstitutionalDepartmentName": "Princeton Neuroscience Institute",
    "MagneticFieldStrength": 3,
    "Manufacturer": "Siemens",
    "ManufacturersModelName": "Prisma",
    "NumberOfVolumesDiscardedByScanner": 3,
    "ParallelReductionType": "GRAPPA",
    "PartialFourier": 0.75,
    "PhaseEncodingDirection": "j-",
    "PixelBandwidth": 1240,
    "PulseSequenceDetails": "%CustomerSeq%_ep2d_bold_sms_mgh_v22",
    "PulseSequenceType": "Gradient Echo EPI",
    "ReceiveCoilActiveElements": "HC1-7;NC1,2",
    "ReceiveCoilName": "HeadNeck_64",
    "RepetitionTime": 1.5,
    "ScanOptions": "PFP_FS",
    "ScanningSequence": "EP",
    "SequenceName": "epfSM2d1_96",
    "SequenceVariant": "SK",
    "SliceTiming": [
      0.6925,
      0,
      0.79,
      0.1,
      0.8875,
      0.1975,
      0.9875,
      0.2975,
      1.085,
      0.395,
      1.185,
      0.495,
      1.2825,
      0.5925,
      1.3825,
      0.6925,
      0,
      0.79,
      0.1,
      0.8875,
      0.1975,
      0.9875,
      0.2975,
      1.085,
      0.395,
      1.185,
      0.495,
      1.2825,
      0.5925,
      1.3825,
      0.6925,
      0,
      0.79,
      0.1,
      0.8875,
      0.1975,
      0.9875,
      0.2975,
      1.085,
      0.395,
      1.185,
      0.495,
      1.2825,
      0.5925,
      1.3825,
      0.6925,
      0,
      0.79,
      0.1,
      0.8875,
      0.1975,
      0.9875,
      0.2975,
      1.085,
      0.395,
      1.185,
      0.495,
      1.2825,
      0.5925,
      1.3825
    ],
    "SoftwareVersions": "syngo_MR_D13D",
    "StationName": "AWP66018",
    "TaskDescription": "Passively listened to audio story 'schema'",
    "TaskName": "schema",
    "TotalReadoutTime": 0.0883478,
    "dataset": "ds002345",
    "modality": "bold",
    "run_id": 3,
    "subject_id": "182",
    "task_id": "schema"
  },
  "dummy_trs": 0,
  "dvars_nstd": 44.98544373573741,
  "dvars_std": 1.1299549554545452,
  "dvars_vstd": 0.9921501049898981,
  "efc": 0.5552566139556699,
  "fber": 281.71624755859375,
  "fd_mean": 0.18191536459870464,
  "fd_num": 93,
  "fd_perc": 18.75,
  "fwhm_avg": 2.918616666666667,
  "fwhm_x": 2.83848,
  "fwhm_y": 3.00685,
  "fwhm_z": 2.91052,
  "gcor": 0.0292454,
  "gsr_x": -0.009006213396787643,
  "gsr_y": 0.057350270450115204,
  "provenance": {
    "md5sum": "ff67cd3d47798f073af380cf36f8361c",
    "settings": {
      "fd_thres": 0.2,
      "testing": false
    },
    "software": "mriqc",
    "version": "22.0.6",
    "webapi_port": null,
    "webapi_url": "https://mriqc.nimh.nih.gov/api/v1"
  },
  "size_t": 496,
  "size_x": 96,
  "size_y": 96,
  "size_z": 60,
  "snr": 1.6556940845892771,
  "spacing_tr": 1.5,
  "spacing_x": 2.0,
  "spacing_y": 2.0,
  "spacing_z": 2.0,
  "summary_bg_k": 53.68265556778645,
  "summary_bg_mad": 6.997525145570664,
  "summary_bg_mean": 49.014892578125,
  "summary_bg_median": 30.5625,
  "summary_bg_n": 316516.0,
  "summary_bg_p05": 25.07661247253418,
  "summary_bg_p95": 135.1930389404297,
  "summary_bg_stdv": 52.959442138671875,
  "summary_fg_k": 7.627906297169115,
  "summary_fg_mad": 234.5978210011248,
  "summary_fg_mean": 603.538818359375,
  "summary_fg_median": 530.1763916015625,
  "summary_fg_n": 147044.0,
  "summary_fg_p05": 263.1351715087891,
  "summary_fg_p95": 1200.2001281738283,
  "summary_fg_stdv": 320.212890625,
  "tsnr": 33.518919138237834
}