{
  "bids_meta": {
    "DeviceSerialNumber": "45031",
    "DwellTime": 8.2e-06,
    "EchoTime": 0.00308,
    "FlipAngle": 9,
    "InstitutionAddress": "Washington Rd, Princeton, NJ 08540, USA",
    "InstitutionName": "Princeton University",
    "InstitutionalDepartmentName": "Princeton Neuroscience Institute",
    "InversionTime": 0.9,
    "MagneticFieldStrength": 3,
    "Manufacturer": "Siemens",
    "ManufacturersModelName": "Skyra",
    "ParallelReductionFactorInPlane": 2,
    "ParallelReductionType": "GRAPPA",
    "PartialFourier": 1,
    "PixelBandwidth": 240,
    "PulseSequenceDetails": "%SiemensSeq%_tfl",
    "PulseSequenceType": "MPRAGE",
    "ReceiveCoilActiveElements": "HE1-4",
    "ReceiveCoilName": "HeadNeck_20",
    "RepetitionTime": 2.3,
    "ScanOptions": "IR",
    "ScanningSequence": "GR_IR",
    "SequenceName": "_tfl3d1_16ns",
    "SequenceVariant": "SK_SP_MP",
    "SoftwareVersions": "syngo_MR_E11",
    "StationName": "AWP45031",
    "dataset": "ds002345",
    "modality": "T1w",
    "subject_id": "123"
  },
  "cjv": 0.43277585349254327,
  "cnr": 3.0948594154586173,
  "efc": 0.6748737630754919,
  "fber": 517.109506919997,
  "fwhm_avg": 3.248971067856243,
  "fwhm_x": 3.2656332035687288,
  "fwhm_y": 3.421090909090909,
  "fwhm_z": 3.0601890909090907,
  "icvs_csf": 0.16481150042889386,
  "icvs_gm": 0.44697954840997756,
  "icvs_wm": 0.3882089511611286,
  "inu_med": 1.4682916402816772,
  "inu_range": 0.5323670148849489,
  "provenance": {
    "md5sum": "dca3feb2c80f3281857e69508345d5f0",
    "settings": {
      "testing": false
    },
    "software": "mriqc",
    "version": "22.0.0rc1",
    "warnings": {
      "large_rot_frame": true,
      "small_air_mask": false
    },
    "webapi_port": null,
    "webapi_url": "https://mriqc.nimh.nih.gov/api/v1"
  },
  "qi_1": 0.0,
  "qi_2": 0.002259732680434064,
  "rpve_csf": 24.513438583736946,
  "rpve_gm": 10.388963011040515,
  "rpve_wm": 13.828556767414359,
  "size_x": 192,
  "size_y": 256,
  "size_z": 256,
  "snr_csf": 2.336008961449804,
  "snr_gm": 9.516960769950124,
  "snr_total": 9.172170822675778,
  "snr_wm": 15.663542736627406,
  "snrd_csf": 12.489258117296483,
  "snrd_gm": 25.714178211564356,
  "snrd_total": 25.08898692750451,
  "snrd_wm": 37.06352445365269,
  "spacing_x": 0.9000000357627869,
  "spacing_y": 0.859375,
  "spacing_z": 0.859375,
  "summary_bg_k": 44.99413313794414,
  "summary_bg_mad": 17.676619729405378,
  "summary_bg_mean": 27.864693501397316,
  "summary_bg_median": 25.024565666913986,
  "summary_bg_n": 2192852.0,
  "summary_bg_p05": 6.288896083831787,
  "summary_bg_p95": 63.085488840937614,
  "summary_bg_stdv": 19.98787971760677,
  "summary_csf_k": 27.80432651000746,
  "summary_csf_mad": 133.83726366549786,
  "summary_csf_mean": 363.1381914314201,
  "summary_csf_median": 336.98001515865326,
  "summary_csf_n": 16929.0,
  "summary_csf_p05": 187.25188089609148,
  "summary_csf_p95": 589.295766788721,
  "summary_csf_stdv": 144.2503294414917,
  "summary_gm_k": 0.1992541588912764,
  "summary_gm_mad": 70.609354633394,
  "summary_gm_mean": 694.832276203721,
  "summary_gm_median": 693.8093585819006,
  "summary_gm_n": 43039.0,
  "summary_gm_p05": 577.071725025773,
  "summary_gm_p95": 817.5564908981323,
  "summary_gm_stdv": 72.90156123008647,
  "summary_wm_k": 0.29227416778061066,
  "summary_wm_mad": 61.916731195032575,
  "summary_wm_mean": 998.6493580874139,
  "summary_wm_median": 1000.032741330564,
  "summary_wm_n": 316578.0,
  "summary_wm_p05": 891.1889825463295,
  "summary_wm_p95": 1100.4257960021496,
  "summary_wm_stdv": 63.84450687197023,
  "tpm_overlap_csf": 0.16731344163417816,
  "tpm_overlap_gm": 0.44407957792282104,
  "tpm_overlap_wm": 0.4934045374393463,
  "wm2max": 0.45639500119588616
}