{
  "aor": 0.0010543513513513513,
  "aqi": 0.029012718081081076,
  "bids_meta": {
    "CogAtlasID": "https://www.cognitiveatlas.org/task/id/trm_4c8991fadfe01",
    "DeviceSerialNumber": "45031",
    "DwellTime": 5.4e-06,
    "EchoTime": 0.028,
    "EffectiveEchoSpacing": 0.000390001,
    "FlipAngle": 64,
    "InstitutionAddress": "Washington Rd, Princeton, NJ 08540, USA",
    "InstitutionName": "Princeton University",
    "InstitutionalDepartmentName": "Princeton Neuroscience Institute",
    "MagneticFieldStrength": 3,
    "Manufacturer": "Siemens",
    "ManufacturersModelName": "Skyra",
    "NumberOfVolumesDiscardedByScanner": 3,
    "ParallelReductionFactorInPlane": 2,
    "ParallelReductionType": "GRAPPA",
    "PartialFourier": 1,
    "PhaseEncodingDirection": "j-",
    "PixelBandwidth": 1445,
    "PulseSequenceDetails": "%SiemensSeq%_ep2d_bold",
    "PulseSequenceType": "Gradient Echo EPI",
    "ReceiveCoilActiveElements": "HE1-4",
    "ReceiveCoilName": "HeadNeck_20",
    "RepetitionTime": 1.5,
    "ScanOptions": "FS",
    "ScanningSequence": "EP",
    "SequenceName": "_epfid2d1_64",
    "SequenceVariant": "SK",
    "SliceTiming": [
      0,
      0.7775,
      0.0575,
      0.835,
      0.1125,
      0.89,
      0.1675,
      0.945,
      0.2225,
      1,
      0.28,
      1.0575,
      0.335,
      1.1125,
      0.39,
      1.1675,
      0.445,
      1.2225,
      0.5,
      1.2775,
      0.5575,
      1.335,
      0.6125,
      1.39,
      0.6675,
      1.445,
      0.7225
    ],
    "SoftwareVersions": "syngo_MR_D11",
    "StationName": "AWP45031",
    "TaskDescription": "Passively listened to audio story 'lucy'",
    "TaskName": "lucy",
    "TotalReadoutTime": 0.0245701,
    "dataset": "ds002345",
    "modality": "bold",
    "subject_id": "061",
    "task_id": "lucy"
  },
  "dummy_trs": 0,
  "dvars_nstd": 23.361863226775046,
  "dvars_std": 1.1450813662872636,
  "dvars_vstd": 0.9312540640108402,
  "efc": 0.5675717379556201,
  "fber": 2909.723876953125,
  "fd_mean": 0.1888146519577821,
  "fd_num": 80,
  "fd_perc": 21.62162162162162,
  "fwhm_avg": 1.7568541666666666,
  "fwhm_x": 1.7146933333333332,
  "fwhm_y": 2.0246166666666667,
  "fwhm_z": 1.5312525,
  "gcor": 0.0142732,
  "gsr_x": -0.0038270470686256886,
  "gsr_y": 0.039592817425727844,
  "provenance": {
    "md5sum": "61663a56f9f4ef15f582979de9427c1e",
    "settings": {
      "fd_thres": 0.2,
      "testing": false
    },
    "software": "mriqc",
    "version": "21.0.0rc2",
    "webapi_port": null,
    "webapi_url": "https://mriqc.nimh.nih.gov/api/v1"
  },
  "size_t": 370,
  "size_x": 64,
  "size_y": 64,
  "size_z": 27,
  "snr": 7.798832341977537,
  "spacing_tr": 1.5,
  "spacing_x": 3.0,
  "spacing_y": 3.0,
  "spacing_z": 4.0,
  "summary_bg_k": 50.889909429310634,
  "summary_bg_mad": 8.008055645476519,
  "summary_bg_mean": 29.201663970947266,
  "summary_bg_median": 12.828378677368164,
  "summary_bg_n": 55856.0,
  "summary_bg_p05": 6.224324703216553,
  "summary_bg_p95": 93.28243446350098,
  "summary_bg_stdv": 55.746620178222656,
  "summary_fg_k": 2.4994664147440897,
  "summary_fg_mad": 82.4606993185678,
  "summary_fg_mean": 731.4551391601562,
  "summary_fg_median": 723.956787109375,
  "summary_fg_n": 26275.0,
  "summary_fg_p05": 604.85107421875,
  "summary_fg_p95": 892.5197387695313,
  "summary_fg_stdv": 92.82710266113281,
  "tsnr": 48.549938797950745
}