{
  "aor": 0.0016571999999999997,
  "aqi": 0.030798521833333332,
  "bids_meta": {
    "CogAtlasID": "https://www.cognitiveatlas.org/task/id/trm_4c8991fadfe01",
    "DeviceSerialNumber": "45031",
    "DwellTime": 5.4e-06,
    "EchoTime": 0.028,
    "EffectiveEchoSpacing": 0.000390001,
    "FlipAngle": 64,
    "InstitutionAddress": "Washington Rd, Princeton, NJ 08540, USA",
    "InstitutionName": "Princeton University",
    "InstitutionalDepartmentName": "Princeton Neuroscience Institute",
    "MagneticFieldStrength": 3,
    "Manufacturer": "Siemens",
    "ManufacturersModelName": "Skyra",
    "NumberOfVolumesDiscardedByScanner": 3,
    "ParallelReductionFactorInPlane": 2,
    "ParallelReductionType": "GRAPPA",
    "PartialFourier": 1,
    "PhaseEncodingDirection": "j-",
    "PixelBandwidth": 1445,
    "PulseSequenceDetails": "%SiemensSeq%_ep2d_bold",
    "PulseSequenceType": "Gradient Echo EPI",
    "ReceiveCoilActiveElements": "HE1-4",
    "ReceiveCoilName": "HeadNeck_20",
    "RepetitionTime": 1.5,
    "ScanOptions": "FS",
    "ScanningSequence": "EP",
    "SequenceName": "_epfid2d1_64",
    "SequenceVariant": "SK",
    "SliceTiming": [
      0,
      0.7775,
      0.055,
      0.8325,
      0.11,
      0.89,
      0.1675,
      0.945,
      0.2225,
      1,
      0.2775,
      1.055,
      0.3325,
      1.11,
      0.39,
      1.1675,
      0.445,
      1.2225,
      0.5,
      1.2775,
      0.555,
      1.3325,
      0.61,
      1.3875,
      0.6675,
      1.445,
      0.7225
    ],
    "SoftwareVersions": "syngo_MR_D11",
    "StationName": "AWP45031",
    "TaskDescription": "Passively listened to audio story 'pieman'",
    "TaskName": "pieman",
    "TotalReadoutTime": 0.0245701,
    "dataset": "ds002345",
    "modality": "bold",
    "subject_id": "061",
    "task_id": "pieman"
  },
  "dummy_trs": 0,
  "dvars_nstd": 23.012366342742464,
  "dvars_std": 1.1051342463210714,
  "dvars_vstd": 0.9095410618060199,
  "efc": 0.57483360151313,
  "fber": 2671.738525390625,
  "fd_mean": 0.19435176854279612,
  "fd_num": 83,
  "fd_perc": 27.666666666666668,
  "fwhm_avg": 1.7578958333333332,
  "fwhm_x": 1.7030466666666666,
  "fwhm_y": 1.9968533333333334,
  "fwhm_z": 1.5737875,
  "gcor": 0.012144,
  "gsr_x": -0.007694144267588854,
  "gsr_y": 0.03852195665240288,
  "provenance": {
    "md5sum": "a4c88c83021ff7d857e4e734ef23a64e",
    "settings": {
      "fd_thres": 0.2,
      "testing": false
    },
    "software": "mriqc",
    "version": "21.0.0rc2",
    "webapi_port": null,
    "webapi_url": "https://mriqc.nimh.nih.gov/api/v1"
  },
  "size_t": 300,
  "size_x": 64,
  "size_y": 64,
  "size_z": 27,
  "snr": 7.950405737735481,
  "spacing_tr": 1.5,
  "spacing_x": 3.0,
  "spacing_y": 3.0,
  "spacing_z": 4.0,
  "summary_bg_k": 42.942802949543996,
  "summary_bg_mad": 7.983812579033556,
  "summary_bg_mean": 30.901391983032227,
  "summary_bg_median": 13.47166633605957,
  "summary_bg_n": 55170.0,
  "summary_bg_p05": 6.683333396911621,
  "summary_bg_p95": 99.33400268554682,
  "summary_bg_stdv": 57.004459381103516,
  "summary_fg_k": 3.0494276390104877,
  "summary_fg_mad": 79.9073187766017,
  "summary_fg_mean": 727.3134155273438,
  "summary_fg_median": 719.933349609375,
  "summary_fg_n": 26843.0,
  "summary_fg_p05": 603.7353393554688,
  "summary_fg_p95": 882.2286926269529,
  "summary_fg_stdv": 90.55134582519531,
  "tsnr": 47.965398031286895
}