{
  "aor": 0.00048689639839928856,
  "aqi": 0.01700835675855936,
  "bids_meta": {
    "CogAtlasID": "https://www.cognitiveatlas.org/task/id/trm_4c8991fadfe01",
    "DeviceSerialNumber": "45031",
    "DwellTime": 4.9e-06,
    "EchoTime": 0.028,
    "EffectiveEchoSpacing": 0.000355001,
    "FlipAngle": 64,
    "InstitutionAddress": "Washington Rd, Princeton, NJ 08540, USA",
    "InstitutionName": "Princeton University",
    "InstitutionalDepartmentName": "Princeton Neuroscience Institute",
    "MagneticFieldStrength": 3,
    "Manufacturer": "Siemens",
    "ManufacturersModelName": "Skyra",
    "NumberOfVolumesDiscardedByScanner": 3,
    "ParallelReductionFactorInPlane": 2,
    "ParallelReductionType": "GRAPPA",
    "PartialFourier": 1,
    "PhaseEncodingDirection": "j-",
    "PixelBandwidth": 1595,
    "PulseSequenceDetails": "%SiemensSeq%_ep2d_bold",
    "PulseSequenceType": "Gradient Echo EPI",
    "ReceiveCoilActiveElements": "HE1-4",
    "ReceiveCoilName": "HeadNeck_20",
    "RepetitionTime": 1.5,
    "ScanOptions": "FS",
    "ScanningSequence": "EP",
    "SequenceName": "_epfid2d1_64",
    "SequenceVariant": "SK",
    "SliceTiming": [
      0,
      0.7675,
      0.055,
      0.8225,
      0.11,
      0.8775,
      0.165,
      0.9325,
      0.22,
      0.9875,
      0.275,
      1.0425,
      0.33,
      1.0975,
      0.385,
      1.1525,
      0.44,
      1.2075,
      0.495,
      1.2625,
      0.55,
      1.315,
      0.6025,
      1.37,
      0.6575,
      1.425,
      0.7125
    ],
    "SoftwareVersions": "syngo_MR_E11",
    "StationName": "AWP45031",
    "TaskDescription": "Passively listened to audio story '21styear'",
    "TaskName": "21styear",
    "TotalReadoutTime": 0.022365,
    "dataset": "ds002345",
    "modality": "bold",
    "subject_id": "261",
    "task_id": "21styear"
  },
  "dummy_trs": 0,
  "dvars_nstd": 22.309875638692183,
  "dvars_std": 1.2238695231049794,
  "dvars_vstd": 0.9845096066414599,
  "efc": 0.6271246704320814,
  "fber": 1786.1214599609375,
  "fd_mean": 0.16430305229911005,
  "fd_num": 692,
  "fd_perc": 30.76923076923077,
  "fwhm_avg": 1.6576738888888887,
  "fwhm_x": 1.6314066666666667,
  "fwhm_y": 1.8689099999999998,
  "fwhm_z": 1.472705,
  "gcor": 0.0161665,
  "gsr_x": -0.01963069662451744,
  "gsr_y": 0.07474194467067719,
  "provenance": {
    "md5sum": "80543acc5d9b1ec54ff4805d7a7380e6",
    "settings": {
      "fd_thres": 0.2,
      "testing": false
    },
    "software": "mriqc",
    "version": "22.0.0rc1",
    "webapi_port": null,
    "webapi_url": "https://mriqc.nimh.nih.gov/api/v1"
  },
  "size_t": 2249,
  "size_x": 64,
  "size_y": 64,
  "size_z": 27,
  "snr": 7.796819524815841,
  "spacing_tr": 1.5,
  "spacing_x": 3.0,
  "spacing_y": 3.0,
  "spacing_z": 4.0,
  "summary_bg_k": 23.033865655295973,
  "summary_bg_mad": 11.823570862514256,
  "summary_bg_mean": 52.808807373046875,
  "summary_bg_median": 16.95575714111328,
  "summary_bg_n": 51292.0,
  "summary_bg_p05": 7.198554801940918,
  "summary_bg_p95": 224.16229629516596,
  "summary_bg_stdv": 92.47474670410156,
  "summary_fg_k": 3.5297525050388403,
  "summary_fg_mad": 81.77314977900447,
  "summary_fg_mean": 760.1253051757812,
  "summary_fg_median": 751.5166625976562,
  "summary_fg_n": 30737.0,
  "summary_fg_p05": 631.6947875976563,
  "summary_fg_p95": 921.6798706054686,
  "summary_fg_stdv": 96.38602447509766,
  "tsnr": 59.957569245481864
}