{
  "aor": 0.0007296363636363636,
  "aqi": 0.01029019002020202,
  "bids_meta": {
    "CogAtlasID": "https://www.cognitiveatlas.org/task/id/trm_4c8991fadfe01",
    "DeviceSerialNumber": "66018",
    "DwellTime": 4.2e-06,
    "EchoTime": 0.039,
    "EffectiveEchoSpacing": 0.000929976,
    "FlipAngle": 50,
    "InstitutionAddress": "Washington Rd, Princeton, NJ 08540, USA",
    "InstitutionName": "Princeton University",
    "InstitutionalDepartmentName": "Princeton Neuroscience Institute",
    "MagneticFieldStrength": 3,
    "Manufacturer": "Siemens",
    "ManufacturersModelName": "Prisma",
    "NumberOfVolumesDiscardedByScanner": 3,
    "ParallelReductionType": "GRAPPA",
    "PartialFourier": 0.75,
    "PhaseEncodingDirection": "j-",
    "PixelBandwidth": 1240,
    "PulseSequenceDetails": "%CustomerSeq%_ep2d_bold_sms_mgh_v22",
    "PulseSequenceType": "Gradient Echo EPI",
    "ReceiveCoilActiveElements": "HC1-7;NC1,2",
    "ReceiveCoilName": "HeadNeck_64",
    "RepetitionTime": 1.5,
    "ScanOptions": "PFP_FS",
    "ScanningSequence": "EP",
    "SequenceName": "epfSM2d1_96",
    "SequenceVariant": "SK",
    "SliceTiming": [
      0.6925,
      0,
      0.79,
      0.1,
      0.8875,
      0.1975,
      0.9875,
      0.2975,
      1.085,
      0.395,
      1.185,
      0.495,
      1.2825,
      0.5925,
      1.3825,
      0.6925,
      0,
      0.79,
      0.1,
      0.8875,
      0.1975,
      0.9875,
      0.2975,
      1.085,
      0.395,
      1.185,
      0.495,
      1.2825,
      0.5925,
      1.3825,
      0.6925,
      0,
      0.79,
      0.1,
      0.8875,
      0.1975,
      0.9875,
      0.2975,
      1.085,
      0.395,
      1.185,
      0.495,
      1.2825,
      0.5925,
      1.3825,
      0.6925,
      0,
      0.79,
      0.1,
      0.8875,
      0.1975,
      0.9875,
      0.2975,
      1.085,
      0.395,
      1.185,
      0.495,
      1.2825,
      0.5925,
      1.3825
    ],
    "SoftwareVersions": "syngo_MR_D13D",
    "StationName": "AWP66018",
    "TaskDescription": "Passively listened to audio story 'schema'",
    "TaskName": "schema",
    "TotalReadoutTime": 0.0883478,
    "dataset": "ds002345",
    "modality": "bold",
    "run_id": 2,
    "subject_id": "187",
    "task_id": "schema"
  },
  "dummy_trs": 1,
  "dvars_nstd": 41.03825918190284,
  "dvars_std": 1.0587611583805672,
  "dvars_vstd": 0.9756840693117406,
  "efc": 0.6133268808507533,
  "fber": 204.27117919921875,
  "fd_mean": 0.21572528241370012,
  "fd_num": 254,
  "fd_perc": 51.313131313131315,
  "fwhm_avg": 2.9205083912943834,
  "fwhm_x": 2.635945,
  "fwhm_y": 3.208305,
  "fwhm_z": 2.9172751738831506,
  "gcor": 0.00527056,
  "gsr_x": 0.0281746257096529,
  "gsr_y": 0.055479995906353,
  "provenance": {
    "md5sum": "b70d865acf7b2067debb6dbd936f65c3",
    "settings": {
      "fd_thres": 0.2,
      "testing": false
    },
    "software": "mriqc",
    "version": "22.0.0rc1",
    "webapi_port": null,
    "webapi_url": "https://mriqc.nimh.nih.gov/api/v1"
  },
  "size_t": 495,
  "size_x": 96,
  "size_y": 96,
  "size_z": 60,
  "snr": 2.3745717833696034,
  "spacing_tr": 1.5,
  "spacing_x": 2.0,
  "spacing_y": 2.0,
  "spacing_z": 1.9999998807907104,
  "summary_bg_k": 61.151839588617094,
  "summary_bg_mad": 13.031924982543446,
  "summary_bg_mean": 55.9339714050293,
  "summary_bg_median": 30.973739624023438,
  "summary_bg_n": 312713.0,
  "summary_bg_p05": 20.26060676574707,
  "summary_bg_p95": 172.12768249511697,
  "summary_bg_stdv": 78.66242980957031,
  "summary_fg_k": 2.1132447177348928,
  "summary_fg_mad": 174.68947955618447,
  "summary_fg_mean": 485.23577880859375,
  "summary_fg_median": 455.4687194824219,
  "summary_fg_n": 152275.0,
  "summary_fg_p05": 236.4937515258789,
  "summary_fg_p95": 838.1822448730468,
  "summary_fg_stdv": 191.8102569580078,
  "tsnr": 30.96763885905966
}