{
  "aor": 0.002187800407331975,
  "aqi": 0.013812608126272911,
  "bids_meta": {
    "CogAtlasID": "https://www.cognitiveatlas.org/task/id/trm_4c8991fadfe01",
    "DeviceSerialNumber": "66018",
    "DwellTime": 4.2e-06,
    "EchoTime": 0.039,
    "EffectiveEchoSpacing": 0.000929976,
    "FlipAngle": 50,
    "InstitutionAddress": "Washington Rd, Princeton, NJ 08540, USA",
    "InstitutionName": "Princeton University",
    "InstitutionalDepartmentName": "Princeton Neuroscience Institute",
    "MagneticFieldStrength": 3,
    "Manufacturer": "Siemens",
    "ManufacturersModelName": "Prisma",
    "NumberOfVolumesDiscardedByScanner": 3,
    "ParallelReductionType": "GRAPPA",
    "PartialFourier": 0.75,
    "PhaseEncodingDirection": "j-",
    "PixelBandwidth": 1240,
    "PulseSequenceDetails": "%CustomerSeq%_ep2d_bold_sms_mgh_v22",
    "PulseSequenceType": "Gradient Echo EPI",
    "ReceiveCoilActiveElements": "HC1-7;NC1,2",
    "ReceiveCoilName": "HeadNeck_64",
    "RepetitionTime": 1.5,
    "ScanOptions": "PFP_FS",
    "ScanningSequence": "EP",
    "SequenceName": "epfSM2d1_96",
    "SequenceVariant": "SK",
    "SliceTiming": [
      0.6925,
      0,
      0.79,
      0.1,
      0.8875,
      0.1975,
      0.9875,
      0.2975,
      1.085,
      0.395,
      1.185,
      0.495,
      1.2825,
      0.5925,
      1.3825,
      0.6925,
      0,
      0.79,
      0.1,
      0.8875,
      0.1975,
      0.9875,
      0.2975,
      1.085,
      0.395,
      1.185,
      0.495,
      1.2825,
      0.5925,
      1.3825,
      0.6925,
      0,
      0.79,
      0.1,
      0.8875,
      0.1975,
      0.9875,
      0.2975,
      1.085,
      0.395,
      1.185,
      0.495,
      1.2825,
      0.5925,
      1.3825,
      0.6925,
      0,
      0.79,
      0.1,
      0.8875,
      0.1975,
      0.9875,
      0.2975,
      1.085,
      0.395,
      1.185,
      0.495,
      1.2825,
      0.5925,
      1.3825
    ],
    "SoftwareVersions": "syngo_MR_D13D",
    "StationName": "AWP66018",
    "TaskDescription": "Passively listened to audio story 'schema'",
    "TaskName": "schema",
    "TotalReadoutTime": 0.0883478,
    "dataset": "ds002345",
    "modality": "bold",
    "run_id": 4,
    "subject_id": "187",
    "task_id": "schema"
  },
  "dummy_trs": 1,
  "dvars_nstd": 45.56515512261224,
  "dvars_std": 1.096489154489796,
  "dvars_vstd": 0.9918007775714288,
  "efc": 0.6150425254530212,
  "fber": 201.3037567138672,
  "fd_mean": 0.28836888652570747,
  "fd_num": 306,
  "fd_perc": 62.32179226069246,
  "fwhm_avg": 2.950063391827349,
  "fwhm_x": 2.69416,
  "fwhm_y": 3.21193,
  "fwhm_z": 2.9441001754820455,
  "gcor": 0.008867,
  "gsr_x": 0.02913174405694008,
  "gsr_y": 0.05457821488380432,
  "provenance": {
    "md5sum": "f00c0405b1cd8e3723ededac155ad885",
    "settings": {
      "fd_thres": 0.2,
      "testing": false
    },
    "software": "mriqc",
    "version": "22.0.0rc1",
    "webapi_port": null,
    "webapi_url": "https://mriqc.nimh.nih.gov/api/v1"
  },
  "size_t": 491,
  "size_x": 96,
  "size_y": 96,
  "size_z": 60,
  "snr": 2.3758093615176032,
  "spacing_tr": 1.5,
  "spacing_x": 2.0,
  "spacing_y": 2.0,
  "spacing_z": 1.9999998807907104,
  "summary_bg_k": 45.5059007526742,
  "summary_bg_mad": 12.81197846850317,
  "summary_bg_mean": 56.84735107421875,
  "summary_bg_median": 31.112018585205078,
  "summary_bg_n": 313709.0,
  "summary_bg_p05": 20.81873893737793,
  "summary_bg_p95": 179.1772033691399,
  "summary_bg_stdv": 77.65559387207031,
  "summary_fg_k": 2.175076019994563,
  "summary_fg_mad": 174.87310812990899,
  "summary_fg_mean": 485.3878173828125,
  "summary_fg_median": 455.17620849609375,
  "summary_fg_n": 151778.0,
  "summary_fg_p05": 237.51875228881835,
  "summary_fg_p95": 838.6740783691405,
  "summary_fg_stdv": 191.58721923828125,
  "tsnr": 28.61916880379431
}