{
  "aor": 0.002216460348162476,
  "aqi": 0.020890422050290135,
  "bids_meta": {
    "CogAtlasID": "https://www.cognitiveatlas.org/task/id/trm_4c8991fadfe01",
    "DeviceSerialNumber": "66018",
    "DwellTime": 4.2e-06,
    "EchoTime": 0.039,
    "EffectiveEchoSpacing": 0.000929976,
    "FlipAngle": 50,
    "InstitutionAddress": "Washington Rd, Princeton, NJ 08540, USA",
    "InstitutionName": "Princeton University",
    "InstitutionalDepartmentName": "Princeton Neuroscience Institute",
    "MagneticFieldStrength": 3,
    "Manufacturer": "Siemens",
    "ManufacturersModelName": "Prisma",
    "NumberOfVolumesDiscardedByScanner": 3,
    "ParallelReductionType": "GRAPPA",
    "PartialFourier": 0.75,
    "PhaseEncodingDirection": "j-",
    "PixelBandwidth": 1240,
    "PulseSequenceDetails": "%CustomerSeq%_ep2d_bold_sms_mgh_v22",
    "PulseSequenceType": "Gradient Echo EPI",
    "ReceiveCoilActiveElements": "HC1-7;NC1,2",
    "ReceiveCoilName": "HeadNeck_64",
    "RepetitionTime": 1.5,
    "ScanOptions": "PFP_FS",
    "ScanningSequence": "EP",
    "SequenceName": "epfSM2d1_96",
    "SequenceVariant": "SK",
    "SliceTiming": [
      0.6925,
      0,
      0.79,
      0.1,
      0.8875,
      0.1975,
      0.9875,
      0.2975,
      1.085,
      0.395,
      1.185,
      0.495,
      1.2825,
      0.5925,
      1.3825,
      0.6925,
      0,
      0.79,
      0.1,
      0.8875,
      0.1975,
      0.9875,
      0.2975,
      1.085,
      0.395,
      1.185,
      0.495,
      1.2825,
      0.5925,
      1.3825,
      0.6925,
      0,
      0.79,
      0.1,
      0.8875,
      0.1975,
      0.9875,
      0.2975,
      1.085,
      0.395,
      1.185,
      0.495,
      1.2825,
      0.5925,
      1.3825,
      0.6925,
      0,
      0.79,
      0.1,
      0.8875,
      0.1975,
      0.9875,
      0.2975,
      1.085,
      0.395,
      1.185,
      0.495,
      1.2825,
      0.5925,
      1.3825
    ],
    "SoftwareVersions": "syngo_MR_D13D",
    "StationName": "AWP66018",
    "TaskDescription": "Passively listened to audio story 'schema'",
    "TaskName": "schema",
    "TotalReadoutTime": 0.0883478,
    "dataset": "ds002345",
    "modality": "bold",
    "run_id": 1,
    "subject_id": "187",
    "task_id": "schema"
  },
  "dummy_trs": 1,
  "dvars_nstd": 47.42157062988372,
  "dvars_std": 0.971565467965117,
  "dvars_vstd": 0.9189863510077514,
  "efc": 0.6122162729741224,
  "fber": 198.52955627441406,
  "fd_mean": 0.3673113801227906,
  "fd_num": 298,
  "fd_perc": 57.640232108317214,
  "fwhm_avg": 2.990791726332509,
  "fwhm_x": 2.65688,
  "fwhm_y": 3.312415,
  "fwhm_z": 3.0030801789975277,
  "gcor": 0.00674801,
  "gsr_x": 0.01911289431154728,
  "gsr_y": 0.06199328973889351,
  "provenance": {
    "md5sum": "4654cdb199c52a6b0cbac57e40227908",
    "settings": {
      "fd_thres": 0.2,
      "testing": false
    },
    "software": "mriqc",
    "version": "22.0.0rc1",
    "webapi_port": null,
    "webapi_url": "https://mriqc.nimh.nih.gov/api/v1"
  },
  "size_t": 517,
  "size_x": 96,
  "size_y": 96,
  "size_z": 60,
  "snr": 2.33171000024356,
  "spacing_tr": 1.5,
  "spacing_x": 2.0,
  "spacing_y": 2.0,
  "spacing_z": 1.9999998807907104,
  "summary_bg_k": 73.03696945222485,
  "summary_bg_mad": 13.911224650342453,
  "summary_bg_mean": 54.259010314941406,
  "summary_bg_median": 31.64797019958496,
  "summary_bg_n": 309302.0,
  "summary_bg_p05": 19.108318328857422,
  "summary_bg_p95": 159.9572647094727,
  "summary_bg_stdv": 75.29283142089844,
  "summary_fg_k": 2.187797029490053,
  "summary_fg_mad": 177.14377260857148,
  "summary_fg_mean": 487.77862548828125,
  "summary_fg_median": 457.4971008300781,
  "summary_fg_n": 154455.0,
  "summary_fg_p05": 233.3417892456055,
  "summary_fg_p95": 848.4627136230467,
  "summary_fg_stdv": 196.2060546875,
  "tsnr": 21.662137421546504
}