{
  "bids_meta": {
    "DeviceSerialNumber": "45031",
    "DwellTime": 8.2e-06,
    "EchoTime": 0.00308,
    "FlipAngle": 9,
    "InstitutionAddress": "Washington Rd, Princeton, NJ 08540, USA",
    "InstitutionName": "Princeton University",
    "InstitutionalDepartmentName": "Princeton Neuroscience Institute",
    "InversionTime": 0.9,
    "MagneticFieldStrength": 3,
    "Manufacturer": "Siemens",
    "ManufacturersModelName": "Skyra",
    "ParallelReductionFactorInPlane": 2,
    "ParallelReductionType": "GRAPPA",
    "PartialFourier": 1,
    "PixelBandwidth": 240,
    "PulseSequenceDetails": "%SiemensSeq%_tfl",
    "PulseSequenceType": "MPRAGE",
    "ReceiveCoilActiveElements": "HE1-4",
    "ReceiveCoilName": "HeadNeck_20",
    "RepetitionTime": 2.3,
    "ScanOptions": "IR",
    "ScanningSequence": "GR_IR",
    "SequenceName": "_tfl3d1_16ns",
    "SequenceVariant": "SK_SP_MP",
    "SoftwareVersions": "syngo_MR_E11",
    "StationName": "AWP45031",
    "dataset": "ds002345",
    "modality": "T1w",
    "subject_id": "262"
  },
  "cjv": 0.49014073342663944,
  "cnr": 2.659284691167514,
  "efc": 0.6984298057626528,
  "fber": 793.4763163837556,
  "fwhm_avg": 3.2963511880060765,
  "fwhm_x": 3.345833200381867,
  "fwhm_y": 3.469568,
  "fwhm_z": 3.0736523636363637,
  "icvs_csf": 0.18457999765020514,
  "icvs_gm": 0.4388787574781666,
  "icvs_wm": 0.37654124487162827,
  "inu_med": 1.2969672679901123,
  "inu_range": 0.5263552069664001,
  "provenance": {
    "md5sum": "7da1682d26fd98b43278958623e4b8d6",
    "settings": {
      "testing": false
    },
    "software": "mriqc",
    "version": "22.0.0rc1",
    "warnings": {
      "large_rot_frame": true,
      "small_air_mask": false
    },
    "webapi_port": null,
    "webapi_url": "https://mriqc.nimh.nih.gov/api/v1"
  },
  "qi_1": 0.0,
  "qi_2": 0.002965453554572834,
  "rpve_csf": 17.198562314673374,
  "rpve_gm": 8.094545406744793,
  "rpve_wm": 11.03551466131702,
  "size_x": 192,
  "size_y": 256,
  "size_z": 256,
  "snr_csf": 1.1761478604263897,
  "snr_gm": 9.061223261866974,
  "snr_total": 8.333143896258408,
  "snr_wm": 14.762060566481857,
  "snrd_csf": 18.021885588707026,
  "snrd_gm": 39.27124828404548,
  "snrd_total": 37.28566393432816,
  "snrd_wm": 54.56385793023197,
  "spacing_x": 0.9000000357627869,
  "spacing_y": 0.859375,
  "spacing_z": 0.859375,
  "summary_bg_k": 3.363762204873349,
  "summary_bg_mad": 12.007736460598586,
  "summary_bg_mean": 21.92540298938438,
  "summary_bg_median": 18.81848582625389,
  "summary_bg_n": 2254791.0,
  "summary_bg_p05": 2.6996983885765076,
  "summary_bg_p95": 48.75337678194046,
  "summary_bg_stdv": 14.488996865114053,
  "summary_csf_k": 25.595739436208824,
  "summary_csf_mad": 135.14589663497233,
  "summary_csf_mean": 393.8714049195359,
  "summary_csf_median": 330.31603813171387,
  "summary_csf_n": 18371.0,
  "summary_csf_p05": 179.3314356058836,
  "summary_csf_p95": 656.582528680563,
  "summary_csf_stdv": 280.8380297874024,
  "summary_gm_k": 0.8327475442518151,
  "summary_gm_mad": 73.22364782835608,
  "summary_gm_mean": 722.3773029526844,
  "summary_gm_median": 719.7872321307659,
  "summary_gm_n": 41508.0,
  "summary_gm_p05": 596.6611348882318,
  "summary_gm_p95": 855.856001059711,
  "summary_gm_stdv": 79.4350322040656,
  "summary_wm_k": 0.4207727159141994,
  "summary_wm_mad": 64.15898402966891,
  "summary_wm_mean": 1000.3670683302898,
  "summary_wm_median": 1000.0794471800327,
  "summary_wm_n": 400877.0,
  "summary_wm_p05": 889.2330074608326,
  "summary_wm_p95": 1112.2757360935211,
  "summary_wm_stdv": 67.74651785981219,
  "tpm_overlap_csf": 0.17990274727344513,
  "tpm_overlap_gm": 0.45441895723342896,
  "tpm_overlap_wm": 0.5001079440116882,
  "wm2max": 0.44853118856009544
}