{
  "bids_meta": {
    "DeviceSerialNumber": "45031",
    "DwellTime": 8.2e-06,
    "EchoTime": 0.00308,
    "FlipAngle": 9,
    "InstitutionAddress": "Washington Rd, Princeton, NJ 08540, USA",
    "InstitutionName": "Princeton University",
    "InstitutionalDepartmentName": "Princeton Neuroscience Institute",
    "InversionTime": 0.9,
    "MagneticFieldStrength": 3,
    "Manufacturer": "Siemens",
    "ManufacturersModelName": "Skyra",
    "ParallelReductionFactorInPlane": 2,
    "ParallelReductionType": "GRAPPA",
    "PartialFourier": 1,
    "PixelBandwidth": 240,
    "PulseSequenceDetails": "%SiemensSeq%_tfl",
    "PulseSequenceType": "MPRAGE",
    "ReceiveCoilActiveElements": "HE1-4",
    "ReceiveCoilName": "HeadNeck_20",
    "RepetitionTime": 2.3,
    "ScanOptions": "IR",
    "ScanningSequence": "GR_IR",
    "SequenceName": "_tfl3d1_16ns",
    "SequenceVariant": "SK_SP_MP",
    "SoftwareVersions": "syngo_MR_D11",
    "StationName": "AWP45031",
    "dataset": "ds002345",
    "modality": "T1w",
    "subject_id": "108"
  },
  "cjv": 0.48971208610039707,
  "cnr": 2.728470392188489,
  "efc": 0.6523176934533212,
  "fber": 821.5195398100803,
  "fwhm_avg": 3.288422784790425,
  "fwhm_x": 3.2835665361894555,
  "fwhm_y": 3.461864727272727,
  "fwhm_z": 3.119837090909091,
  "icvs_csf": 0.174121850626579,
  "icvs_gm": 0.42792291776166047,
  "icvs_wm": 0.3979552316117605,
  "inu_med": 1.433562159538269,
  "inu_range": 0.4804848670959472,
  "provenance": {
    "md5sum": "97e36238434e3669e16db1a3b811c294",
    "settings": {
      "testing": false
    },
    "software": "mriqc",
    "version": "22.0.0rc1",
    "warnings": {
      "large_rot_frame": true,
      "small_air_mask": false
    },
    "webapi_port": null,
    "webapi_url": "https://mriqc.nimh.nih.gov/api/v1"
  },
  "qi_1": 0.0,
  "qi_2": 0.0025494128603234514,
  "rpve_csf": 22.65648087733615,
  "rpve_gm": 10.292442773647979,
  "rpve_wm": 13.180806583353322,
  "size_x": 192,
  "size_y": 256,
  "size_z": 256,
  "snr_csf": 2.8503838843003897,
  "snr_gm": 9.144885664116153,
  "snr_total": 9.429686146228432,
  "snr_wm": 16.293788890268754,
  "snrd_csf": 21.094433499921447,
  "snrd_gm": 37.721913436964165,
  "snrd_total": 36.99637984325468,
  "snrd_wm": 52.172792592878416,
  "spacing_x": 0.9000000357627869,
  "spacing_y": 0.859375,
  "spacing_z": 0.859375,
  "summary_bg_k": 192.57317068837065,
  "summary_bg_mad": 12.557049803697065,
  "summary_bg_mean": 23.48101952754209,
  "summary_bg_median": 19.53878339380026,
  "summary_bg_n": 2376715.0,
  "summary_bg_p05": 5.534591004252434,
  "summary_bg_p95": 52.9140442982316,
  "summary_bg_stdv": 16.970886888640486,
  "summary_csf_k": 12.474156946015892,
  "summary_csf_mad": 155.8441775142007,
  "summary_csf_mean": 400.54919960499495,
  "summary_csf_median": 404.31864434853196,
  "summary_csf_n": 15394.0,
  "summary_csf_p05": 189.5429704077542,
  "summary_csf_p95": 607.3794339969754,
  "summary_csf_stdv": 141.8424774350274,
  "summary_gm_k": 0.2342293808117275,
  "summary_gm_mad": 76.95855275731172,
  "summary_gm_mean": 725.3550576714516,
  "summary_gm_median": 723.0188430100679,
  "summary_gm_n": 27503.0,
  "summary_gm_p05": 599.9161218851805,
  "summary_gm_p95": 859.8741842061281,
  "summary_gm_stdv": 79.06120700495903,
  "summary_wm_k": 0.4475721465764848,
  "summary_wm_mad": 58.68245056777243,
  "summary_wm_mean": 1000.4616124974671,
  "summary_wm_median": 999.9999655410647,
  "summary_wm_n": 332870.0,
  "summary_wm_p05": 900.5450423434377,
  "summary_wm_p95": 1101.7190396040678,
  "summary_wm_stdv": 61.37298514094052,
  "tpm_overlap_csf": 0.17808791995048523,
  "tpm_overlap_gm": 0.43981438875198364,
  "tpm_overlap_wm": 0.5003269910812378,
  "wm2max": 0.48055611525287123
}