{
  "bids_meta": {
    "DeviceSerialNumber": "45031",
    "DwellTime": 8.2e-06,
    "EchoTime": 0.00308,
    "FlipAngle": 9,
    "InstitutionAddress": "Washington Rd, Princeton, NJ 08540, USA",
    "InstitutionName": "Princeton University",
    "InstitutionalDepartmentName": "Princeton Neuroscience Institute",
    "InversionTime": 0.9,
    "MagneticFieldStrength": 3,
    "Manufacturer": "Siemens",
    "ManufacturersModelName": "Skyra",
    "ParallelReductionFactorInPlane": 2,
    "ParallelReductionType": "GRAPPA",
    "PartialFourier": 1,
    "PixelBandwidth": 240,
    "PulseSequenceDetails": "%SiemensSeq%_tfl",
    "PulseSequenceType": "MPRAGE",
    "ReceiveCoilActiveElements": "HE1-4",
    "ReceiveCoilName": "HeadNeck_20",
    "RepetitionTime": 2.3,
    "ScanOptions": "IR",
    "ScanningSequence": "GR_IR",
    "SequenceName": "_tfl3d1_16ns",
    "SequenceVariant": "SK_SP_MP",
    "SoftwareVersions": "syngo_MR_D13",
    "StationName": "AWP45031",
    "dataset": "ds002345",
    "modality": "T1w",
    "subject_id": "179"
  },
  "cjv": 0.46456117494840937,
  "cnr": 2.8275997587809396,
  "efc": 0.5795933543932789,
  "fber": 1558.545429843176,
  "fwhm_avg": 3.269358924033567,
  "fwhm_x": 3.2559776483968506,
  "fwhm_y": 3.457826909090909,
  "fwhm_z": 3.094272214612941,
  "icvs_csf": 0.20223821668321185,
  "icvs_gm": 0.4304550222397605,
  "icvs_wm": 0.36730676107702764,
  "inu_med": 1.4856504201889038,
  "inu_range": 0.440054404735565,
  "provenance": {
    "md5sum": "142b9a3db14b786d16b652081d320ac0",
    "settings": {
      "testing": false
    },
    "software": "mriqc",
    "version": "22.0.0rc1",
    "warnings": {
      "large_rot_frame": true,
      "small_air_mask": false
    },
    "webapi_port": null,
    "webapi_url": "https://mriqc.nimh.nih.gov/api/v1"
  },
  "qi_1": 0.0006958328327406388,
  "qi_2": 0.001219449902285569,
  "rpve_csf": 23.477305190100438,
  "rpve_gm": 11.725849068397098,
  "rpve_wm": 16.24115619716478,
  "size_x": 192,
  "size_y": 256,
  "size_z": 256,
  "snr_csf": 2.6806637199804357,
  "snr_gm": 9.217808707657461,
  "snr_total": 9.128938300718163,
  "snr_wm": 15.488342474516593,
  "snrd_csf": 26.810655744932554,
  "snrd_gm": 53.42130139322526,
  "snrd_total": 51.918899969628235,
  "snrd_wm": 75.5247427707269,
  "spacing_x": 0.9000000357627869,
  "spacing_y": 0.859375,
  "spacing_z": 0.8593749403953552,
  "summary_bg_k": 309.39777353519855,
  "summary_bg_mad": 8.67446030929144,
  "summary_bg_mean": 19.89633758005412,
  "summary_bg_median": 14.226766157895327,
  "summary_bg_n": 4351795.0,
  "summary_bg_p05": 2.833035685122013,
  "summary_bg_p95": 48.40795757621527,
  "summary_bg_stdv": 25.615781511944288,
  "summary_csf_k": 20.44613390435833,
  "summary_csf_mad": 130.66476529048475,
  "summary_csf_mean": 358.14252073869307,
  "summary_csf_median": 354.9916888922453,
  "summary_csf_n": 16363.0,
  "summary_csf_p05": 165.79417531192303,
  "summary_csf_p95": 553.2980280775577,
  "summary_csf_stdv": 132.4227424314848,
  "summary_gm_k": 0.09222351554699149,
  "summary_gm_mad": 75.05690920250068,
  "summary_gm_mean": 708.1107437756164,
  "summary_gm_median": 707.3351052962244,
  "summary_gm_n": 22591.0,
  "summary_gm_p05": 583.0510615445673,
  "summary_gm_p95": 837.4391897488385,
  "summary_gm_stdv": 76.73401263949468,
  "summary_wm_k": 0.5191927263710108,
  "summary_wm_mad": 60.9038423820778,
  "summary_wm_mean": 999.0076843077419,
  "summary_wm_median": 1000.0000091157854,
  "summary_wm_n": 256670.0,
  "summary_wm_p05": 890.7433720417321,
  "summary_wm_p95": 1102.5435833707452,
  "summary_wm_stdv": 64.56456284670527,
  "tpm_overlap_csf": 0.15468572080135345,
  "tpm_overlap_gm": 0.42462897300720215,
  "tpm_overlap_wm": 0.4830392003059387,
  "wm2max": 0.5446829922844683
}