{
  "aor": 0.0005039285714285715,
  "aqi": 0.007234155616883117,
  "bids_meta": {
    "CogAtlasID": "https://www.cognitiveatlas.org/task/id/trm_4c8991fadfe01",
    "DeviceSerialNumber": "66018",
    "DwellTime": 4.2e-06,
    "EchoTime": 0.039,
    "EffectiveEchoSpacing": 0.000929976,
    "FlipAngle": 50,
    "InstitutionAddress": "Washington Rd, Princeton, NJ 08540, USA",
    "InstitutionName": "Princeton University",
    "InstitutionalDepartmentName": "Princeton Neuroscience Institute",
    "MagneticFieldStrength": 3,
    "Manufacturer": "Siemens",
    "ManufacturersModelName": "Prisma",
    "NumberOfVolumesDiscardedByScanner": 3,
    "ParallelReductionType": "GRAPPA",
    "PartialFourier": 0.75,
    "PhaseEncodingDirection": "j-",
    "PixelBandwidth": 1240,
    "PulseSequenceDetails": "%CustomerSeq%_ep2d_bold_sms_mgh_v22",
    "PulseSequenceType": "Gradient Echo EPI",
    "ReceiveCoilActiveElements": "HC1-7;NC1,2",
    "ReceiveCoilName": "HeadNeck_64",
    "RepetitionTime": 1.5,
    "ScanOptions": "PFP_FS",
    "ScanningSequence": "EP",
    "SequenceName": "epfSM2d1_96",
    "SequenceVariant": "SK",
    "SliceTiming": [
      0.6925,
      0,
      0.79,
      0.1,
      0.8875,
      0.1975,
      0.9875,
      0.2975,
      1.085,
      0.395,
      1.185,
      0.495,
      1.2825,
      0.5925,
      1.3825,
      0.6925,
      0,
      0.79,
      0.1,
      0.8875,
      0.1975,
      0.9875,
      0.2975,
      1.085,
      0.395,
      1.185,
      0.495,
      1.2825,
      0.5925,
      1.3825,
      0.6925,
      0,
      0.79,
      0.1,
      0.8875,
      0.1975,
      0.9875,
      0.2975,
      1.085,
      0.395,
      1.185,
      0.495,
      1.2825,
      0.5925,
      1.3825,
      0.6925,
      0,
      0.79,
      0.1,
      0.8875,
      0.1975,
      0.9875,
      0.2975,
      1.085,
      0.395,
      1.185,
      0.495,
      1.2825,
      0.5925,
      1.3825
    ],
    "SoftwareVersions": "syngo_MR_D13D",
    "StationName": "AWP66018",
    "TaskDescription": "Passively listened to audio story 'shapessocial'",
    "TaskName": "shapessocial",
    "TotalReadoutTime": 0.0883478,
    "dataset": "ds002345",
    "modality": "bold",
    "subject_id": "213",
    "task_id": "shapessocial"
  },
  "dummy_trs": 1,
  "dvars_nstd": 33.08094858436482,
  "dvars_std": 1.0512709783387635,
  "dvars_vstd": 0.9650701823778504,
  "efc": 0.59315677192546,
  "fber": 273.27020263671875,
  "fd_mean": 0.07428330391232625,
  "fd_num": 0,
  "fd_perc": 0.0,
  "fwhm_avg": 2.7859683333333334,
  "fwhm_x": 2.55175,
  "fwhm_y": 2.9672,
  "fwhm_z": 2.838955,
  "gcor": 0.00434714,
  "gsr_x": -0.0011016912758350372,
  "gsr_y": 0.052260491997003555,
  "provenance": {
    "md5sum": "a0c9f096bf59d46c489c422c02f05d22",
    "settings": {
      "fd_thres": 0.2,
      "testing": false
    },
    "software": "mriqc",
    "version": "22.0.0rc1",
    "webapi_port": null,
    "webapi_url": "https://mriqc.nimh.nih.gov/api/v1"
  },
  "size_t": 308,
  "size_x": 96,
  "size_y": 96,
  "size_z": 60,
  "snr": 2.478368401653985,
  "spacing_tr": 1.5,
  "spacing_x": 2.0,
  "spacing_y": 2.0,
  "spacing_z": 2.0,
  "summary_bg_k": 106.97567274777336,
  "summary_bg_mad": 8.678997991705785,
  "summary_bg_mean": 45.57379913330078,
  "summary_bg_median": 26.532466888427734,
  "summary_bg_n": 321048.0,
  "summary_bg_p05": 19.253246307373047,
  "summary_bg_p95": 131.8646072387693,
  "summary_bg_stdv": 63.828338623046875,
  "summary_fg_k": 2.6971235997574476,
  "summary_fg_mad": 160.75642115849496,
  "summary_fg_mean": 479.41943359375,
  "summary_fg_median": 451.9253234863281,
  "summary_fg_n": 144688.0,
  "summary_fg_p05": 242.52175521850586,
  "summary_fg_p95": 805.217184448242,
  "summary_fg_stdv": 182.3472900390625,
  "tsnr": 39.25667430530302
}