{
  "aor": 0.0007243689320388349,
  "aqi": 0.008838506213592232,
  "bids_meta": {
    "CogAtlasID": "https://www.cognitiveatlas.org/task/id/trm_4c8991fadfe01",
    "DeviceSerialNumber": "66018",
    "DwellTime": 4.2e-06,
    "EchoTime": 0.039,
    "EffectiveEchoSpacing": 0.000929976,
    "FlipAngle": 50,
    "InstitutionAddress": "Washington Rd, Princeton, NJ 08540, USA",
    "InstitutionName": "Princeton University",
    "InstitutionalDepartmentName": "Princeton Neuroscience Institute",
    "MagneticFieldStrength": 3,
    "Manufacturer": "Siemens",
    "ManufacturersModelName": "Prisma",
    "NumberOfVolumesDiscardedByScanner": 3,
    "ParallelReductionType": "GRAPPA",
    "PartialFourier": 0.75,
    "PhaseEncodingDirection": "j-",
    "PixelBandwidth": 1240,
    "PulseSequenceDetails": "%CustomerSeq%_ep2d_bold_sms_mgh_v22",
    "PulseSequenceType": "Gradient Echo EPI",
    "ReceiveCoilActiveElements": "HC1-7;NC1,2",
    "ReceiveCoilName": "HeadNeck_64",
    "RepetitionTime": 1.5,
    "ScanOptions": "PFP_FS",
    "ScanningSequence": "EP",
    "SequenceName": "epfSM2d1_96",
    "SequenceVariant": "SK",
    "SliceTiming": [
      0.6925,
      0,
      0.79,
      0.1,
      0.8875,
      0.1975,
      0.9875,
      0.2975,
      1.085,
      0.395,
      1.185,
      0.495,
      1.2825,
      0.5925,
      1.3825,
      0.6925,
      0,
      0.79,
      0.1,
      0.8875,
      0.1975,
      0.9875,
      0.2975,
      1.085,
      0.395,
      1.185,
      0.495,
      1.2825,
      0.5925,
      1.3825,
      0.6925,
      0,
      0.79,
      0.1,
      0.8875,
      0.1975,
      0.9875,
      0.2975,
      1.085,
      0.395,
      1.185,
      0.495,
      1.2825,
      0.5925,
      1.3825,
      0.6925,
      0,
      0.79,
      0.1,
      0.8875,
      0.1975,
      0.9875,
      0.2975,
      1.085,
      0.395,
      1.185,
      0.495,
      1.2825,
      0.5925,
      1.3825
    ],
    "SoftwareVersions": "syngo_MR_D13D",
    "StationName": "AWP66018",
    "TaskDescription": "Passively listened to audio story 'shapesphysical'",
    "TaskName": "shapesphysical",
    "TotalReadoutTime": 0.0883478,
    "dataset": "ds002345",
    "modality": "bold",
    "subject_id": "213",
    "task_id": "shapesphysical"
  },
  "dummy_trs": 1,
  "dvars_nstd": 33.22954005717534,
  "dvars_std": 1.0270561702922076,
  "dvars_vstd": 0.9497790125974033,
  "efc": 0.5911590681799208,
  "fber": 279.9117126464844,
  "fd_mean": 0.07941656830542411,
  "fd_num": 0,
  "fd_perc": 0.0,
  "fwhm_avg": 2.776953333333333,
  "fwhm_x": 2.525755,
  "fwhm_y": 2.980205,
  "fwhm_z": 2.8249,
  "gcor": 0.00462182,
  "gsr_x": -0.00019301944121252745,
  "gsr_y": 0.05474376678466797,
  "provenance": {
    "md5sum": "64eb9f6fe273987b2222ba63de98d0cb",
    "settings": {
      "fd_thres": 0.2,
      "testing": false
    },
    "software": "mriqc",
    "version": "22.0.0rc1",
    "webapi_port": null,
    "webapi_url": "https://mriqc.nimh.nih.gov/api/v1"
  },
  "size_t": 309,
  "size_x": 96,
  "size_y": 96,
  "size_z": 60,
  "snr": 2.49759033123831,
  "spacing_tr": 1.5,
  "spacing_x": 2.0,
  "spacing_y": 2.0,
  "spacing_z": 2.0,
  "summary_bg_k": 113.8849700077494,
  "summary_bg_mad": 8.646115876157111,
  "summary_bg_mean": 44.733341217041016,
  "summary_bg_median": 26.1521053314209,
  "summary_bg_n": 321958.0,
  "summary_bg_p05": 18.822006225585938,
  "summary_bg_p95": 127.83220367431629,
  "summary_bg_stdv": 62.66096115112305,
  "summary_fg_k": 2.59876406319888,
  "summary_fg_mad": 158.9262887995981,
  "summary_fg_mean": 477.8299560546875,
  "summary_fg_median": 450.53399658203125,
  "summary_fg_n": 143751.0,
  "summary_fg_p05": 242.9530792236328,
  "summary_fg_p95": 800.3414611816406,
  "summary_fg_stdv": 180.3868408203125,
  "tsnr": 35.86570361617487
}