{
  "aor": 0.0054625152129817445,
  "aqi": 0.01611869401622718,
  "bids_meta": {
    "CogAtlasID": "https://www.cognitiveatlas.org/task/id/trm_4c8991fadfe01",
    "DeviceSerialNumber": "66018",
    "DwellTime": 4.2e-06,
    "EchoTime": 0.039,
    "EffectiveEchoSpacing": 0.000929976,
    "FlipAngle": 50,
    "InstitutionAddress": "Washington Rd, Princeton, NJ 08540, USA",
    "InstitutionName": "Princeton University",
    "InstitutionalDepartmentName": "Princeton Neuroscience Institute",
    "MagneticFieldStrength": 3,
    "Manufacturer": "Siemens",
    "ManufacturersModelName": "Prisma",
    "NumberOfVolumesDiscardedByScanner": 3,
    "ParallelReductionType": "GRAPPA",
    "PartialFourier": 0.75,
    "PhaseEncodingDirection": "j-",
    "PixelBandwidth": 1240,
    "PulseSequenceDetails": "%CustomerSeq%_ep2d_bold_sms_mgh_v22",
    "PulseSequenceType": "Gradient Echo EPI",
    "ReceiveCoilActiveElements": "HC1-7;NC1,2",
    "ReceiveCoilName": "HeadNeck_64",
    "RepetitionTime": 1.5,
    "ScanOptions": "PFP_FS",
    "ScanningSequence": "EP",
    "SequenceName": "epfSM2d1_96",
    "SequenceVariant": "SK",
    "SliceTiming": [
      0.6925,
      0,
      0.79,
      0.1,
      0.8875,
      0.1975,
      0.9875,
      0.2975,
      1.085,
      0.395,
      1.185,
      0.495,
      1.2825,
      0.5925,
      1.3825,
      0.6925,
      0,
      0.79,
      0.1,
      0.8875,
      0.1975,
      0.9875,
      0.2975,
      1.085,
      0.395,
      1.185,
      0.495,
      1.2825,
      0.5925,
      1.3825,
      0.6925,
      0,
      0.79,
      0.1,
      0.8875,
      0.1975,
      0.9875,
      0.2975,
      1.085,
      0.395,
      1.185,
      0.495,
      1.2825,
      0.5925,
      1.3825,
      0.6925,
      0,
      0.79,
      0.1,
      0.8875,
      0.1975,
      0.9875,
      0.2975,
      1.085,
      0.395,
      1.185,
      0.495,
      1.2825,
      0.5925,
      1.3825
    ],
    "SoftwareVersions": "syngo_MR_D13D",
    "StationName": "AWP66018",
    "TaskDescription": "Passively listened to audio story 'schema'",
    "TaskName": "schema",
    "TotalReadoutTime": 0.0883478,
    "dataset": "ds002345",
    "modality": "bold",
    "run_id": 3,
    "subject_id": "198",
    "task_id": "schema"
  },
  "dummy_trs": 3,
  "dvars_nstd": 45.12900346678863,
  "dvars_std": 0.9507397014837409,
  "dvars_vstd": 0.9080345612398368,
  "efc": 0.6361987985554668,
  "fber": 157.6674041748047,
  "fd_mean": 0.23897498365867836,
  "fd_num": 103,
  "fd_perc": 20.892494929006084,
  "fwhm_avg": 3.2960883333333335,
  "fwhm_x": 3.010515,
  "fwhm_y": 3.521075,
  "fwhm_z": 3.356675,
  "gcor": 0.0214505,
  "gsr_x": -0.007441775873303413,
  "gsr_y": 0.07540962100028992,
  "provenance": {
    "md5sum": "b9428ecb67679b3ecbe74c5c1fc01362",
    "settings": {
      "fd_thres": 0.2,
      "testing": false
    },
    "software": "mriqc",
    "version": "22.0.0rc1",
    "webapi_port": null,
    "webapi_url": "https://mriqc.nimh.nih.gov/api/v1"
  },
  "size_t": 493,
  "size_x": 96,
  "size_y": 96,
  "size_z": 60,
  "snr": 1.7480036043891558,
  "spacing_tr": 1.5,
  "spacing_x": 2.0,
  "spacing_y": 2.0,
  "spacing_z": 2.0,
  "summary_bg_k": 26.02543432971012,
  "summary_bg_mad": 17.015341037998436,
  "summary_bg_mean": 73.19685363769531,
  "summary_bg_median": 40.935089111328125,
  "summary_bg_n": 259017.0,
  "summary_bg_p05": 26.98579978942871,
  "summary_bg_p95": 233.6896514892578,
  "summary_bg_stdv": 85.05809020996094,
  "summary_fg_k": 4.007180922117612,
  "summary_fg_mad": 252.02436946519776,
  "summary_fg_mean": 622.7079467773438,
  "summary_fg_median": 547.7423706054688,
  "summary_fg_n": 191567.0,
  "summary_fg_p05": 277.8247344970703,
  "summary_fg_p95": 1226.8811035156245,
  "summary_fg_stdv": 313.352294921875,
  "tsnr": 24.360794858657755
}