{
  "bids_meta": {
    "DeviceSerialNumber": "66018",
    "DwellTime": 9.8e-06,
    "EchoTime": 0.00267,
    "FlipAngle": 7,
    "InstitutionAddress": "Washington Rd, Building 25, Princeton, NJ 08540, USA",
    "InstitutionName": "Princeton University",
    "InstitutionalDepartmentName": "Princeton Neuroscience Institute",
    "InversionTime": 1.2,
    "MagneticFieldStrength": 3,
    "Manufacturer": "Siemens",
    "ManufacturersModelName": "Prisma",
    "ParallelReductionFactorInPlane": 2,
    "ParellelReductionType": "TODO",
    "PartialFourier": 1,
    "PixelBandwidth": 200,
    "PulseSequenceDetails": "%SiemensSeq%_tfl",
    "PulseSequenceType": "MPRAGE",
    "ReceiveCoilActiveElements": "HC1-7;NC1",
    "ReceiveCoilName": "HeadNeck_64",
    "RepetitionTime": 2.53,
    "ScanOptions": "IR",
    "ScanningSequence": "GR_IR",
    "SequenceName": "_tfl3d1_16",
    "SequenceVariant": "SK_SP_MP",
    "SoftwareVersions": "syngo_MR_D13D",
    "StationName": "AWP66018",
    "dataset": "ds002345",
    "modality": "T1w",
    "subject_id": "207"
  },
  "cjv": 0.41952641532845997,
  "cnr": 2.9376341705430944,
  "efc": 0.5876637976645431,
  "fber": 353.112255670981,
  "fwhm_avg": 3.728153333333333,
  "fwhm_x": 3.64971,
  "fwhm_y": 3.64696,
  "fwhm_z": 3.88779,
  "icvs_csf": 0.17412055191779416,
  "icvs_gm": 0.44769224118396417,
  "icvs_wm": 0.3781872068982417,
  "inu_med": 1.2092626094818115,
  "inu_range": 0.6056730985641479,
  "provenance": {
    "md5sum": "8673d968ea9eebc181d6b647438a90a1",
    "settings": {
      "testing": false
    },
    "software": "mriqc",
    "version": "22.0.0rc1",
    "warnings": {
      "large_rot_frame": true,
      "small_air_mask": false
    },
    "webapi_port": null,
    "webapi_url": "https://mriqc.nimh.nih.gov/api/v1"
  },
  "qi_1": 0.0,
  "qi_2": 0.0027170932461532122,
  "rpve_csf": 31.449257497096703,
  "rpve_gm": 13.752255659996568,
  "rpve_wm": 19.007196154088604,
  "size_x": 176,
  "size_y": 256,
  "size_z": 256,
  "snr_csf": 3.6769181321005213,
  "snr_gm": 10.371881289663323,
  "snr_total": 11.196092015979957,
  "snr_wm": 19.53947662617603,
  "snrd_csf": 14.057890613374587,
  "snrd_gm": 23.152915044120824,
  "snrd_total": 22.961802065224862,
  "snrd_wm": 31.674600538179178,
  "spacing_x": 1.0,
  "spacing_y": 1.0,
  "spacing_z": 1.0,
  "summary_bg_k": 900.494010536021,
  "summary_bg_mad": 20.684369213258382,
  "summary_bg_mean": 39.7314994200802,
  "summary_bg_median": 37.65376506373286,
  "summary_bg_n": 3575447.0,
  "summary_bg_p05": 10.201020017266273,
  "summary_bg_p95": 74.60746012628078,
  "summary_bg_stdv": 28.31698331464435,
  "summary_csf_k": -0.14239417661209242,
  "summary_csf_mad": 108.75974779874568,
  "summary_csf_mean": 418.44680596109896,
  "summary_csf_median": 443.8443807512522,
  "summary_csf_n": 3263.0,
  "summary_csf_p05": 189.66396482102576,
  "summary_csf_p95": 583.2633214872329,
  "summary_csf_stdv": 120.69247883472501,
  "summary_gm_k": 0.3320366944049753,
  "summary_gm_mad": 65.50050250865154,
  "summary_gm_mean": 734.0117926819929,
  "summary_gm_median": 730.9980937372893,
  "summary_gm_n": 20332.0,
  "summary_gm_p05": 622.212216053158,
  "summary_gm_p95": 859.7359664551914,
  "summary_gm_stdv": 70.47710020582235,
  "summary_wm_k": 0.9731196270425788,
  "summary_wm_mad": 47.373877875527256,
  "summary_wm_mean": 1001.1482197724025,
  "summary_wm_median": 1000.0499966926873,
  "summary_wm_n": 175939.0,
  "summary_wm_p05": 919.5419465564191,
  "summary_wm_p95": 1085.858576837927,
  "summary_wm_stdv": 51.18085677447401,
  "tpm_overlap_csf": 0.1408645212650299,
  "tpm_overlap_gm": 0.42961061000823975,
  "tpm_overlap_wm": 0.47191306948661804,
  "wm2max": 0.41686294945284
}