{
  "aor": 0.0023948257372654156,
  "aqi": 0.015103910348525467,
  "bids_meta": {
    "CogAtlasID": "https://www.cognitiveatlas.org/task/id/trm_4c8991fadfe01",
    "DeviceSerialNumber": "45031",
    "DwellTime": 4.9e-06,
    "EchoTime": 0.028,
    "EffectiveEchoSpacing": 0.000355001,
    "FlipAngle": 64,
    "InstitutionAddress": "Washington Rd, Princeton, NJ 08540, USA",
    "InstitutionName": "Princeton University",
    "InstitutionalDepartmentName": "Princeton Neuroscience Institute",
    "MagneticFieldStrength": 3,
    "Manufacturer": "Siemens",
    "ManufacturersModelName": "Skyra",
    "NumberOfVolumesDiscardedByScanner": 3,
    "ParallelReductionFactorInPlane": 2,
    "ParallelReductionType": "GRAPPA",
    "PartialFourier": 1,
    "PhaseEncodingDirection": "j-",
    "PixelBandwidth": 1595,
    "PulseSequenceDetails": "%SiemensSeq%_ep2d_bold",
    "PulseSequenceType": "Gradient Echo EPI",
    "ReceiveCoilActiveElements": "HE1-4",
    "ReceiveCoilName": "HeadNeck_20",
    "RepetitionTime": 1.5,
    "ScanOptions": "FS",
    "ScanningSequence": "EP",
    "SequenceName": "_epfid2d1_64",
    "SequenceVariant": "SK",
    "SliceTiming": [
      0,
      0.7675,
      0.055,
      0.8225,
      0.1075,
      0.875,
      0.1625,
      0.93,
      0.2175,
      0.985,
      0.2725,
      1.04,
      0.3275,
      1.095,
      0.3825,
      1.15,
      0.4375,
      1.205,
      0.4925,
      1.26,
      0.5475,
      1.315,
      0.6025,
      1.37,
      0.6575,
      1.425,
      0.7125
    ],
    "SoftwareVersions": "syngo_MR_D13",
    "StationName": "AWP45031",
    "TaskDescription": "Passively listened to audio story 'sherlock'",
    "TaskName": "sherlock",
    "TotalReadoutTime": 0.022365,
    "dataset": "ds002345",
    "modality": "bold",
    "subject_id": "167",
    "task_id": "sherlock"
  },
  "dummy_trs": 0,
  "dvars_nstd": 19.709166254268474,
  "dvars_std": 1.079675263476509,
  "dvars_vstd": 0.9814783758791946,
  "efc": 0.5836674633901454,
  "fber": 1700.8883056640625,
  "fd_mean": 0.15110869678933958,
  "fd_num": 102,
  "fd_perc": 13.672922252010723,
  "fwhm_avg": 1.6841155555555556,
  "fwhm_x": 1.6516666666666666,
  "fwhm_y": 1.88209,
  "fwhm_z": 1.51859,
  "gcor": 0.0420303,
  "gsr_x": 0.010904981754720211,
  "gsr_y": 0.019370315596461296,
  "provenance": {
    "md5sum": "ba4416050ebba537ad4f2f973659f92f",
    "settings": {
      "fd_thres": 0.2,
      "testing": false
    },
    "software": "mriqc",
    "version": "22.0.0rc1",
    "webapi_port": null,
    "webapi_url": "https://mriqc.nimh.nih.gov/api/v1"
  },
  "size_t": 746,
  "size_x": 64,
  "size_y": 64,
  "size_z": 27,
  "snr": 8.09677200247187,
  "spacing_tr": 1.5,
  "spacing_x": 3.0,
  "spacing_y": 3.0,
  "spacing_z": 4.0,
  "summary_bg_k": 20.521785551636672,
  "summary_bg_mad": 12.687577575300601,
  "summary_bg_mean": 45.41051483154297,
  "summary_bg_median": 17.59919548034668,
  "summary_bg_n": 56626.0,
  "summary_bg_p05": 7.510724067687988,
  "summary_bg_p95": 179.78687286376953,
  "summary_bg_stdv": 80.54940795898438,
  "summary_fg_k": 3.1855447211643257,
  "summary_fg_mad": 83.6359040922331,
  "summary_fg_mean": 754.1857299804688,
  "summary_fg_median": 747.4758911132812,
  "summary_fg_n": 25963.0,
  "summary_fg_p05": 628.1292602539063,
  "summary_fg_p95": 905.7126098632812,
  "summary_fg_stdv": 92.31598663330078,
  "tsnr": 57.66123245051131
}