{
  "aor": 0.0015609666666666665,
  "aqi": 0.012563021266666669,
  "bids_meta": {
    "CogAtlasID": "https://www.cognitiveatlas.org/task/id/trm_4c8991fadfe01",
    "DeviceSerialNumber": "45031",
    "DwellTime": 5.4e-06,
    "EchoTime": 0.028,
    "EffectiveEchoSpacing": 0.000390001,
    "FlipAngle": 64,
    "InstitutionAddress": "Washington Rd, Princeton, NJ 08540, USA",
    "InstitutionName": "Princeton University",
    "InstitutionalDepartmentName": "Princeton Neuroscience Institute",
    "MagneticFieldStrength": 3,
    "Manufacturer": "Siemens",
    "ManufacturersModelName": "Skyra",
    "NumberOfVolumesDiscardedByScanner": 3,
    "ParallelReductionFactorInPlane": 2,
    "ParallelReductionType": "GRAPPA",
    "PartialFourier": 1,
    "PhaseEncodingDirection": "j-",
    "PixelBandwidth": 1445,
    "PulseSequenceDetails": "%SiemensSeq%_ep2d_bold",
    "PulseSequenceType": "Gradient Echo EPI",
    "ReceiveCoilActiveElements": "HE1-4",
    "ReceiveCoilName": "HeadNeck_20",
    "RepetitionTime": 1.5,
    "ScanOptions": "FS",
    "ScanningSequence": "EP",
    "SequenceName": "_epfid2d1_64",
    "SequenceVariant": "SK",
    "SliceTiming": [
      0,
      0.7775,
      0.055,
      0.8325,
      0.11,
      0.89,
      0.1675,
      0.945,
      0.2225,
      1,
      0.2775,
      1.055,
      0.3325,
      1.11,
      0.39,
      1.1675,
      0.445,
      1.2225,
      0.5,
      1.2775,
      0.555,
      1.3325,
      0.61,
      1.3875,
      0.6675,
      1.445,
      0.7225
    ],
    "SoftwareVersions": "syngo_MR_D11",
    "StationName": "AWP45031",
    "TaskDescription": "Passively listened to audio story 'pieman'",
    "TaskName": "pieman",
    "TotalReadoutTime": 0.0245701,
    "dataset": "ds002345",
    "modality": "bold",
    "subject_id": "063",
    "task_id": "pieman"
  },
  "dummy_trs": 0,
  "dvars_nstd": 25.917514966755864,
  "dvars_std": 1.3195117348494974,
  "dvars_vstd": 0.9744838132775916,
  "efc": 0.6243944706806159,
  "fber": 1232.955810546875,
  "fd_mean": 0.13381109089449936,
  "fd_num": 36,
  "fd_perc": 12.0,
  "fwhm_avg": 1.7752758654679377,
  "fwhm_x": 1.7314566666666666,
  "fwhm_y": 1.9769833333333333,
  "fwhm_z": 1.6173875964038131,
  "gcor": 0.0324118,
  "gsr_x": -0.00025630483287386596,
  "gsr_y": 0.053396373987197876,
  "provenance": {
    "md5sum": "0b923fbd0f8cd4f7612601c0a1e52ad4",
    "settings": {
      "fd_thres": 0.2,
      "testing": false
    },
    "software": "mriqc",
    "version": "21.0.0rc2",
    "webapi_port": null,
    "webapi_url": "https://mriqc.nimh.nih.gov/api/v1"
  },
  "size_t": 300,
  "size_x": 64,
  "size_y": 64,
  "size_z": 27,
  "snr": 6.855832384851045,
  "spacing_tr": 1.5,
  "spacing_x": 3.0,
  "spacing_y": 3.0,
  "spacing_z": 3.999999761581421,
  "summary_bg_k": 22.781876759866815,
  "summary_bg_mad": 17.316792950680064,
  "summary_bg_mean": 60.056697845458984,
  "summary_bg_median": 21.52666664123535,
  "summary_bg_n": 52496.0,
  "summary_bg_p05": 7.7866668701171875,
  "summary_bg_p95": 256.14501190185547,
  "summary_bg_stdv": 101.66920471191406,
  "summary_fg_k": 2.7476217640180938,
  "summary_fg_mad": 104.70136143159696,
  "summary_fg_mean": 805.6007080078125,
  "summary_fg_median": 796.8016967773438,
  "summary_fg_n": 30092.0,
  "summary_fg_p05": 644.8651641845703,
  "summary_fg_p95": 999.152862548828,
  "summary_fg_stdv": 116.22052764892578,
  "tsnr": 59.23278799862601
}