{
  "aor": 0.0012079903846153848,
  "aqi": 0.013421511942307692,
  "bids_meta": {
    "CogAtlasID": "https://www.cognitiveatlas.org/task/id/trm_4c8991fadfe01",
    "DeviceSerialNumber": "45031",
    "DwellTime": 5.4e-06,
    "EchoTime": 0.028,
    "EffectiveEchoSpacing": 0.000390001,
    "FlipAngle": 64,
    "InstitutionAddress": "Washington Rd, Princeton, NJ 08540, USA",
    "InstitutionName": "Princeton University",
    "InstitutionalDepartmentName": "Princeton Neuroscience Institute",
    "MagneticFieldStrength": 3,
    "Manufacturer": "Siemens",
    "ManufacturersModelName": "Skyra",
    "NumberOfVolumesDiscardedByScanner": 3,
    "ParallelReductionFactorInPlane": 2,
    "ParallelReductionType": "GRAPPA",
    "PartialFourier": 1,
    "PhaseEncodingDirection": "j-",
    "PixelBandwidth": 1445,
    "PulseSequenceDetails": "%SiemensSeq%_ep2d_bold",
    "PulseSequenceType": "Gradient Echo EPI",
    "ReceiveCoilActiveElements": "HE1-4",
    "ReceiveCoilName": "HeadNeck_20",
    "RepetitionTime": 1.5,
    "ScanOptions": "FS",
    "ScanningSequence": "EP",
    "SequenceName": "_epfid2d1_64",
    "SequenceVariant": "SK",
    "SliceTiming": [
      0,
      0.7775,
      0.055,
      0.8325,
      0.1125,
      0.89,
      0.1675,
      0.945,
      0.2225,
      1,
      0.2775,
      1.055,
      0.3325,
      1.11,
      0.39,
      1.1675,
      0.445,
      1.2225,
      0.5,
      1.2775,
      0.555,
      1.3325,
      0.6125,
      1.39,
      0.6675,
      1.445,
      0.7225
    ],
    "SoftwareVersions": "syngo_MR_D11",
    "StationName": "AWP45031",
    "TaskDescription": "Passively listened to audio story 'tunnel'",
    "TaskName": "tunnel",
    "TotalReadoutTime": 0.0245701,
    "dataset": "ds002345",
    "modality": "bold",
    "subject_id": "063",
    "task_id": "tunnel"
  },
  "dummy_trs": 0,
  "dvars_nstd": 25.964710889085698,
  "dvars_std": 1.327108470510106,
  "dvars_vstd": 0.956570412377285,
  "efc": 0.6222166322495557,
  "fber": 1475.8900146484375,
  "fd_mean": 0.14043157587896912,
  "fd_num": 127,
  "fd_perc": 12.211538461538462,
  "fwhm_avg": 1.8575441666666663,
  "fwhm_x": 1.81524,
  "fwhm_y": 2.06155,
  "fwhm_z": 1.6958425,
  "gcor": 0.0667312,
  "gsr_x": 0.0029429804999381304,
  "gsr_y": 0.05042915791273117,
  "provenance": {
    "md5sum": "eff9186c73b144fa1dac355e3f4ae3ad",
    "settings": {
      "fd_thres": 0.2,
      "testing": false
    },
    "software": "mriqc",
    "version": "21.0.0rc2",
    "webapi_port": null,
    "webapi_url": "https://mriqc.nimh.nih.gov/api/v1"
  },
  "size_t": 1040,
  "size_x": 64,
  "size_y": 64,
  "size_z": 27,
  "snr": 6.744574597425631,
  "spacing_tr": 1.5,
  "spacing_x": 3.0,
  "spacing_y": 3.0,
  "spacing_z": 4.0,
  "summary_bg_k": 23.073130816685943,
  "summary_bg_mad": 16.464011346052512,
  "summary_bg_mean": 61.073299407958984,
  "summary_bg_median": 20.580768585205078,
  "summary_bg_n": 52479.0,
  "summary_bg_p05": 7.540384769439697,
  "summary_bg_p95": 256.86096496582024,
  "summary_bg_stdv": 107.19798278808594,
  "summary_fg_k": 2.237630784462808,
  "summary_fg_mad": 111.22792407853898,
  "summary_fg_mean": 834.8048706054688,
  "summary_fg_median": 824.2115478515625,
  "summary_fg_n": 30205.0,
  "summary_fg_p05": 665.8190673828125,
  "summary_fg_p95": 1041.8032958984375,
  "summary_fg_stdv": 122.20161437988281,
  "tsnr": 52.27303225686774
}