{
  "bids_meta": {
    "DeviceSerialNumber": "66018",
    "DwellTime": 9.8e-06,
    "EchoTime": 0.00267,
    "FlipAngle": 7,
    "InstitutionAddress": "Washington Rd, Building 25, Princeton, NJ 08540, USA",
    "InstitutionName": "Princeton University",
    "InstitutionalDepartmentName": "Princeton Neuroscience Institute",
    "InversionTime": 1.2,
    "MagneticFieldStrength": 3,
    "Manufacturer": "Siemens",
    "ManufacturersModelName": "Prisma",
    "ParallelReductionFactorInPlane": 2,
    "ParellelReductionType": "TODO",
    "PartialFourier": 1,
    "PixelBandwidth": 200,
    "PulseSequenceDetails": "%SiemensSeq%_tfl",
    "PulseSequenceType": "MPRAGE",
    "ReceiveCoilActiveElements": "HC1-7;NC1",
    "ReceiveCoilName": "HeadNeck_64",
    "RepetitionTime": 2.53,
    "ScanOptions": "IR",
    "ScanningSequence": "GR_IR",
    "SequenceName": "_tfl3d1_16",
    "SequenceVariant": "SK_SP_MP",
    "SoftwareVersions": "syngo_MR_D13D",
    "StationName": "AWP66018",
    "dataset": "ds002345",
    "modality": "T1w",
    "subject_id": "233"
  },
  "cjv": 0.40973844651765406,
  "cnr": 3.098783854329898,
  "efc": 0.5808095774450747,
  "fber": 391.04608251702,
  "fwhm_avg": 3.852733333333333,
  "fwhm_x": 3.73048,
  "fwhm_y": 3.86908,
  "fwhm_z": 3.95864,
  "icvs_csf": 0.18360129697550878,
  "icvs_gm": 0.41872852074360717,
  "icvs_wm": 0.3976701822808841,
  "inu_med": 1.269789695739746,
  "inu_range": 0.60955810546875,
  "provenance": {
    "md5sum": "0eb81365929a5ac1e79bace51da240f8",
    "settings": {
      "testing": false
    },
    "software": "mriqc",
    "version": "22.0.0rc1",
    "warnings": {
      "large_rot_frame": true,
      "small_air_mask": false
    },
    "webapi_port": null,
    "webapi_url": "https://mriqc.nimh.nih.gov/api/v1"
  },
  "qi_1": 0.0,
  "qi_2": 0.001892129572869387,
  "rpve_csf": 27.97588103035339,
  "rpve_gm": 13.226512304380709,
  "rpve_wm": 16.965973436974654,
  "size_x": 176,
  "size_y": 256,
  "size_z": 256,
  "snr_csf": 3.6089377368467153,
  "snr_gm": 10.645256782481814,
  "snr_total": 11.560352762951915,
  "snr_wm": 20.426863769527216,
  "snrd_csf": 13.562534251926394,
  "snrd_gm": 22.70967956382401,
  "snrd_total": 22.454063848967724,
  "snrd_wm": 31.08997773115277,
  "spacing_x": 1.0,
  "spacing_y": 1.0,
  "spacing_z": 1.0,
  "summary_bg_k": 1.6652864617981322,
  "summary_bg_mad": 21.07226967054991,
  "summary_bg_mean": 37.34307194889242,
  "summary_bg_median": 35.33901210129261,
  "summary_bg_n": 3708862.0,
  "summary_bg_p05": 5.806879922747612,
  "summary_bg_p95": 74.65988472104073,
  "summary_bg_stdv": 21.490097824007883,
  "summary_csf_k": -0.3110745299645945,
  "summary_csf_mad": 96.42408222788598,
  "summary_csf_mean": 404.9324385545967,
  "summary_csf_median": 436.23494124412537,
  "summary_csf_n": 9376.0,
  "summary_csf_p05": 172.36755237355828,
  "summary_csf_p95": 557.819946102798,
  "summary_csf_stdv": 120.86982626162813,
  "summary_gm_k": 0.26704202046391057,
  "summary_gm_mad": 65.18464742446373,
  "summary_gm_mean": 729.8987404673833,
  "summary_gm_median": 730.4501906633377,
  "summary_gm_n": 17993.0,
  "summary_gm_p05": 616.3588260859251,
  "summary_gm_p95": 845.00610563457,
  "summary_gm_stdv": 68.6155258750086,
  "summary_wm_k": 0.8653950556437859,
  "summary_wm_mad": 45.26028349472199,
  "summary_wm_mean": 1002.2217327457992,
  "summary_wm_median": 1000.0000263154507,
  "summary_wm_n": 211921.0,
  "summary_wm_p05": 926.0037850141525,
  "summary_wm_p95": 1085.4994202256203,
  "summary_wm_stdv": 48.95502697945419,
  "tpm_overlap_csf": 0.1659599095582962,
  "tpm_overlap_gm": 0.43527752161026,
  "tpm_overlap_wm": 0.5163560509681702,
  "wm2max": 0.3859565559812717
}