{
  "aor": 0.0009195145631067961,
  "aqi": 0.010603889093851133,
  "bids_meta": {
    "CogAtlasID": "https://www.cognitiveatlas.org/task/id/trm_4c8991fadfe01",
    "DeviceSerialNumber": "66018",
    "DwellTime": 4.2e-06,
    "EchoTime": 0.039,
    "EffectiveEchoSpacing": 0.000929976,
    "FlipAngle": 50,
    "InstitutionAddress": "Washington Rd, Princeton, NJ 08540, USA",
    "InstitutionName": "Princeton University",
    "InstitutionalDepartmentName": "Princeton Neuroscience Institute",
    "MagneticFieldStrength": 3,
    "Manufacturer": "Siemens",
    "ManufacturersModelName": "Prisma",
    "NumberOfVolumesDiscardedByScanner": 3,
    "ParallelReductionType": "GRAPPA",
    "PartialFourier": 0.75,
    "PhaseEncodingDirection": "j-",
    "PixelBandwidth": 1240,
    "PulseSequenceDetails": "%CustomerSeq%_ep2d_bold_sms_mgh_v22",
    "PulseSequenceType": "Gradient Echo EPI",
    "ReceiveCoilActiveElements": "HC1-7;NC1,2",
    "ReceiveCoilName": "HeadNeck_64",
    "RepetitionTime": 1.5,
    "ScanOptions": "PFP_FS",
    "ScanningSequence": "EP",
    "SequenceName": "epfSM2d1_96",
    "SequenceVariant": "SK",
    "SliceTiming": [
      0.6925,
      0,
      0.79,
      0.1,
      0.8875,
      0.1975,
      0.9875,
      0.2975,
      1.085,
      0.395,
      1.185,
      0.495,
      1.2825,
      0.5925,
      1.3825,
      0.6925,
      0,
      0.79,
      0.1,
      0.8875,
      0.1975,
      0.9875,
      0.2975,
      1.085,
      0.395,
      1.185,
      0.495,
      1.2825,
      0.5925,
      1.3825,
      0.6925,
      0,
      0.79,
      0.1,
      0.8875,
      0.1975,
      0.9875,
      0.2975,
      1.085,
      0.395,
      1.185,
      0.495,
      1.2825,
      0.5925,
      1.3825,
      0.6925,
      0,
      0.79,
      0.1,
      0.8875,
      0.1975,
      0.9875,
      0.2975,
      1.085,
      0.395,
      1.185,
      0.495,
      1.2825,
      0.5925,
      1.3825
    ],
    "SoftwareVersions": "syngo_MR_D13D",
    "StationName": "AWP66018",
    "TaskDescription": "Passively listened to audio story 'shapessocial'",
    "TaskName": "shapessocial",
    "TotalReadoutTime": 0.0883478,
    "dataset": "ds002345",
    "modality": "bold",
    "subject_id": "231",
    "task_id": "shapessocial"
  },
  "dummy_trs": 1,
  "dvars_nstd": 40.35328229688309,
  "dvars_std": 1.105867103116883,
  "dvars_vstd": 0.96893480987013,
  "efc": 0.5893861675579009,
  "fber": 332.5184326171875,
  "fd_mean": 0.1385661502134161,
  "fd_num": 37,
  "fd_perc": 11.974110032362459,
  "fwhm_avg": 2.9369899999999998,
  "fwhm_x": 2.68481,
  "fwhm_y": 3.126285,
  "fwhm_z": 2.999875,
  "gcor": 0.0076245,
  "gsr_x": -0.0024512787349522114,
  "gsr_y": 0.08593893051147461,
  "provenance": {
    "md5sum": "1ff9d4bb63b49db49da026fb32b74d7d",
    "settings": {
      "fd_thres": 0.2,
      "testing": false
    },
    "software": "mriqc",
    "version": "22.0.0rc1",
    "webapi_port": null,
    "webapi_url": "https://mriqc.nimh.nih.gov/api/v1"
  },
  "size_t": 309,
  "size_x": 96,
  "size_y": 96,
  "size_z": 60,
  "snr": 2.1117374843995766,
  "spacing_tr": 1.5,
  "spacing_x": 2.0,
  "spacing_y": 2.0,
  "spacing_z": 2.0,
  "summary_bg_k": 86.94693742508329,
  "summary_bg_mad": 8.967584649426223,
  "summary_bg_mean": 47.713523864746094,
  "summary_bg_median": 26.44013023376465,
  "summary_bg_n": 308598.0,
  "summary_bg_p05": 18.95145606994629,
  "summary_bg_p95": 138.63851318359352,
  "summary_bg_stdv": 69.42579650878906,
  "summary_fg_k": 5.296767367757049,
  "summary_fg_mad": 194.30246813277773,
  "summary_fg_mean": 540.1515502929688,
  "summary_fg_median": 498.517822265625,
  "summary_fg_n": 157539.0,
  "summary_fg_p05": 255.50001373291016,
  "summary_fg_p95": 958.0560241699219,
  "summary_fg_stdv": 236.06922912597656,
  "tsnr": 34.43457108247094
}