{
  "aor": 0.0003752,
  "aqi": 0.008186088527272727,
  "bids_meta": {
    "AcquisitionMatrixPE": 96,
    "BandwidthPerPixelPhaseEncode": 20.425,
    "BaseResolution": 96,
    "BodyPartExamined": "BRAIN",
    "ConsistencyInfo": "N4_VE11C_LATEST_20160120",
    "ConversionSoftware": "dcm2niix",
    "ConversionSoftwareVersion": "v1.0.20180328 GCC6.3.0",
    "DerivedVendorReportedEchoSpacing": 0.000509996,
    "DeviceSerialNumber": "66018",
    "DwellTime": 2.1e-06,
    "EchoTime": 0.031,
    "EchoTrainLength": 96,
    "EffectiveEchoSpacing": 0.000509996,
    "FlipAngle": 67,
    "ImageOrientationPatientDICOM": [
      1,
      0,
      0,
      0,
      1,
      0
    ],
    "ImageType": [
      "ORIGINAL",
      "PRIMARY",
      "M",
      "ND",
      "NORM",
      "MOSAIC"
    ],
    "InPlanePhaseEncodingDirectionDICOM": "COL",
    "InstitutionAddress": "Washington Rd, Princeton, NJ 08540, USA",
    "InstitutionName": "Princeton University",
    "InstitutionalDepartmentName": "Princeton Neuroscience Institute",
    "MRAcquisitionType": "2D",
    "MagneticFieldStrength": 3,
    "Manufacturer": "Siemens",
    "ManufacturersModelName": "Prisma",
    "Modality": "MR",
    "MultibandAccelerationFactor": 3,
    "NumberOfVolumesDiscardedByScanner": 3,
    "PartialFourier": 1,
    "PatientPosition": "HFS",
    "PercentPhaseFOV": 100,
    "PhaseEncodingDirection": "j-",
    "PhaseEncodingSteps": 96,
    "PhaseResolution": 1,
    "PixelBandwidth": 2480,
    "ProcedureStepDescription": "Hasson_Nastase_042518_Storyteller",
    "ProtocolName": "func_task-black",
    "PulseSequenceDetails": "%SiemensSeq%_ep2d_bold",
    "ReceiveCoilActiveElements": "HC1-7;NC1",
    "ReceiveCoilName": "HeadNeck_64",
    "ReconMatrixPE": 96,
    "RepetitionTime": 1.5,
    "SAR": 0.0373288,
    "ScanOptions": "FS",
    "ScanningSequence": "EP",
    "SequenceName": "_epfid2d1_96",
    "SequenceVariant": "SK",
    "SeriesDescription": "func_task-black",
    "SeriesNumber": 10,
    "ShimSetting": [
      766,
      523,
      2132,
      779,
      -64,
      151,
      224,
      56
    ],
    "SliceThickness": 2.5,
    "SliceTiming": [
      1.11,
      0,
      0.74,
      0.0925,
      0.8325,
      0.185,
      0.925,
      0.2775,
      1.0175,
      0.4625,
      1.2025,
      0.555,
      1.295,
      0.6475,
      1.3875,
      0.37,
      1.11,
      0,
      0.74,
      0.0925,
      0.8325,
      0.185,
      0.925,
      0.2775,
      1.0175,
      0.4625,
      1.2025,
      0.555,
      1.295,
      0.6475,
      1.3875,
      0.37,
      1.11,
      0,
      0.74,
      0.0925,
      0.8325,
      0.185,
      0.925,
      0.2775,
      1.0175,
      0.4625,
      1.2025,
      0.555,
      1.295,
      0.6475,
      1.3875,
      0.37
    ],
    "SoftwareVersions": "syngo_MR_E11",
    "SpacingBetweenSlices": 2.5,
    "StationName": "AWP66018",
    "TaskDescription": "Passively listened to audio story 'black'",
    "TaskName": "black",
    "TotalReadoutTime": 0.0484496,
    "TxRefAmp": 227.701,
    "dataset": "ds002345",
    "modality": "bold",
    "subject_id": "286",
    "task_id": "black"
  },
  "dummy_trs": 0,
  "dvars_nstd": 33.16137774522767,
  "dvars_std": 1.3875454534608367,
  "dvars_vstd": 0.9887857077231322,
  "efc": 0.45449538421077335,
  "fber": 5030.37255859375,
  "fd_mean": 0.15750801537641176,
  "fd_num": 162,
  "fd_perc": 29.454545454545453,
  "fwhm_avg": 2.1040493333333337,
  "fwhm_x": 1.992448,
  "fwhm_y": 2.294092,
  "fwhm_z": 2.025608,
  "gcor": 0.0113796,
  "gsr_x": -0.01645931787788868,
  "gsr_y": 0.03127124533057213,
  "provenance": {
    "md5sum": "17cfd17fefb8394459ba05b07eeb3d39",
    "settings": {
      "fd_thres": 0.2,
      "testing": false
    },
    "software": "mriqc",
    "version": "22.0.0rc1",
    "webapi_port": null,
    "webapi_url": "https://mriqc.nimh.nih.gov/api/v1"
  },
  "size_t": 550,
  "size_x": 96,
  "size_y": 96,
  "size_z": 48,
  "snr": 5.951391755988245,
  "spacing_tr": 1.5,
  "spacing_x": 2.5,
  "spacing_y": 2.5,
  "spacing_z": 2.5,
  "summary_bg_k": 28.7651674440492,
  "summary_bg_mad": 6.682493241541117,
  "summary_bg_mean": 29.721464157104492,
  "summary_bg_median": 10.603636741638184,
  "summary_bg_n": 314074.0,
  "summary_bg_p05": 4.5018181800842285,
  "summary_bg_p95": 126.41581687927237,
  "summary_bg_stdv": 59.5843505859375,
  "summary_fg_k": 2.0954763384308617,
  "summary_fg_mad": 117.76303811156797,
  "summary_fg_mean": 761.4078369140625,
  "summary_fg_median": 758.2899780273438,
  "summary_fg_n": 67088.0,
  "summary_fg_p05": 577.3494445800782,
  "summary_fg_p95": 970.7829895019531,
  "summary_fg_stdv": 127.4129409790039,
  "tsnr": 65.17684171069413
}