{
  "aor": 0.000298205574912892,
  "aqi": 0.009275214094076655,
  "bids_meta": {
    "AcquisitionMatrixPE": 96,
    "BandwidthPerPixelPhaseEncode": 20.425,
    "BaseResolution": 96,
    "BodyPartExamined": "BRAIN",
    "ConsistencyInfo": "N4_VE11C_LATEST_20160120",
    "ConversionSoftware": "dcm2niix",
    "ConversionSoftwareVersion": "v1.0.20180328 GCC6.3.0",
    "DerivedVendorReportedEchoSpacing": 0.000509996,
    "DeviceSerialNumber": "66018",
    "DwellTime": 2.1e-06,
    "EchoTime": 0.031,
    "EchoTrainLength": 96,
    "EffectiveEchoSpacing": 0.000509996,
    "FlipAngle": 67,
    "ImageOrientationPatientDICOM": [
      1,
      0,
      0,
      0,
      1,
      0
    ],
    "ImageType": [
      "ORIGINAL",
      "PRIMARY",
      "M",
      "ND",
      "NORM",
      "MOSAIC"
    ],
    "InPlanePhaseEncodingDirectionDICOM": "COL",
    "InstitutionAddress": "Washington Rd, Princeton, NJ 08540, USA",
    "InstitutionName": "Princeton University",
    "InstitutionalDepartmentName": "Princeton Neuroscience Institute",
    "MRAcquisitionType": "2D",
    "MagneticFieldStrength": 3,
    "Manufacturer": "Siemens",
    "ManufacturersModelName": "Prisma",
    "Modality": "MR",
    "MultibandAccelerationFactor": 3,
    "NumberOfVolumesDiscardedByScanner": 3,
    "PartialFourier": 1,
    "PatientPosition": "HFS",
    "PercentPhaseFOV": 100,
    "PhaseEncodingDirection": "j-",
    "PhaseEncodingSteps": 96,
    "PhaseResolution": 1,
    "PixelBandwidth": 2480,
    "ProcedureStepDescription": "Hasson_Nastase_042518_Storyteller",
    "ProtocolName": "func_task-forgot",
    "PulseSequenceDetails": "%SiemensSeq%_ep2d_bold",
    "ReceiveCoilActiveElements": "HC1-7;NC1",
    "ReceiveCoilName": "HeadNeck_64",
    "ReconMatrixPE": 96,
    "RepetitionTime": 1.5,
    "SAR": 0.0373309,
    "ScanOptions": "FS",
    "ScanningSequence": "EP",
    "SequenceName": "_epfid2d1_96",
    "SequenceVariant": "SK",
    "SeriesDescription": "func_task-forgot",
    "SeriesNumber": 11,
    "ShimSetting": [
      766,
      523,
      2132,
      779,
      -64,
      151,
      224,
      56
    ],
    "SliceThickness": 2.5,
    "SliceTiming": [
      1.11,
      0,
      0.74,
      0.0925,
      0.8325,
      0.185,
      0.925,
      0.2775,
      1.0175,
      0.4625,
      1.2025,
      0.555,
      1.295,
      0.6475,
      1.3875,
      0.37,
      1.11,
      0,
      0.74,
      0.0925,
      0.8325,
      0.185,
      0.925,
      0.2775,
      1.0175,
      0.4625,
      1.2025,
      0.555,
      1.295,
      0.6475,
      1.3875,
      0.37,
      1.11,
      0,
      0.74,
      0.0925,
      0.8325,
      0.185,
      0.925,
      0.2775,
      1.0175,
      0.4625,
      1.2025,
      0.555,
      1.295,
      0.6475,
      1.3875,
      0.37
    ],
    "SoftwareVersions": "syngo_MR_E11",
    "SpacingBetweenSlices": 2.5,
    "StationName": "AWP66018",
    "TaskDescription": "Passively listened to audio story 'forgot'",
    "TaskName": "forgot",
    "TotalReadoutTime": 0.0484496,
    "TxRefAmp": 227.701,
    "dataset": "ds002345",
    "modality": "bold",
    "subject_id": "286",
    "task_id": "forgot"
  },
  "dummy_trs": 0,
  "dvars_nstd": 31.782101965567183,
  "dvars_std": 1.3443715645375218,
  "dvars_vstd": 0.9771665394589876,
  "efc": 0.4546650563282602,
  "fber": 5011.3017578125,
  "fd_mean": 0.1637795096416317,
  "fd_num": 204,
  "fd_perc": 35.54006968641115,
  "fwhm_avg": 2.1121813333333335,
  "fwhm_x": 1.9991240000000001,
  "fwhm_y": 2.3049880000000003,
  "fwhm_z": 2.032432,
  "gcor": 0.0102321,
  "gsr_x": -0.016998721286654472,
  "gsr_y": 0.03102225437760353,
  "provenance": {
    "md5sum": "40259b8742a8eee219b462e09ce72e19",
    "settings": {
      "fd_thres": 0.2,
      "testing": false
    },
    "software": "mriqc",
    "version": "22.0.0rc1",
    "webapi_port": null,
    "webapi_url": "https://mriqc.nimh.nih.gov/api/v1"
  },
  "size_t": 574,
  "size_x": 96,
  "size_y": 96,
  "size_z": 48,
  "snr": 5.969946989557072,
  "spacing_tr": 1.5,
  "spacing_x": 2.5,
  "spacing_y": 2.5,
  "spacing_z": 2.5,
  "summary_bg_k": 29.114488485607964,
  "summary_bg_mad": 6.614884552250905,
  "summary_bg_mean": 29.666202545166016,
  "summary_bg_median": 10.576655387878418,
  "summary_bg_n": 314008.0,
  "summary_bg_p05": 4.5714287757873535,
  "summary_bg_p95": 125.5708175659179,
  "summary_bg_stdv": 59.517303466796875,
  "summary_fg_k": 1.9934914229608696,
  "summary_fg_mad": 117.26248793019201,
  "summary_fg_mean": 759.529541015625,
  "summary_fg_median": 755.966064453125,
  "summary_fg_n": 67126.0,
  "summary_fg_p05": 577.6485137939453,
  "summary_fg_p95": 968.5178527832031,
  "summary_fg_stdv": 126.6276626586914,
  "tsnr": 60.98123452893924
}