{
  "aor": 0.00041357142857142856,
  "aqi": 0.006509885,
  "bids_meta": {
    "AcquisitionMatrixPE": 96,
    "BandwidthPerPixelPhaseEncode": 20.425,
    "BaseResolution": 96,
    "BodyPartExamined": "BRAIN",
    "ConsistencyInfo": "N4_VE11C_LATEST_20160120",
    "ConversionSoftware": "dcm2niix",
    "ConversionSoftwareVersion": "v1.0.20180328 GCC6.3.0",
    "DerivedVendorReportedEchoSpacing": 0.000509996,
    "DeviceSerialNumber": "66018",
    "EchoTime": 0.031,
    "EchoTrainLength": 96,
    "EffectiveEchoSpacing": 0.000509996,
    "FlipAngle": 67,
    "ImageOrientationPatientDICOM": [
      1,
      0,
      0,
      0,
      1,
      0
    ],
    "ImageType": [
      "ORIGINAL",
      "PRIMARY",
      "M",
      "ND",
      "NORM",
      "MOSAIC"
    ],
    "InPlanePhaseEncodingDirectionDICOM": "COL",
    "InstitutionAddress": "Washington Rd, Princeton, NJ 08540, USA",
    "InstitutionName": "Princeton University",
    "InstitutionalDepartmentName": "Princeton Neuroscience Institute",
    "MRAcquisitionType": "2D",
    "MagneticFieldStrength": 3,
    "Manufacturer": "Siemens",
    "ManufacturersModelName": "Prisma",
    "Modality": "MR",
    "MultibandAccelerationFactor": 3,
    "NumberOfVolumesDiscardedByScanner": 3,
    "PartialFourier": 1,
    "PatientPosition": "HFS",
    "PercentPhaseFOV": 100,
    "PhaseEncodingDirection": "j-",
    "PhaseEncodingSteps": 96,
    "PhaseResolution": 1,
    "PixelBandwidth": 2480,
    "ProcedureStepDescription": "Hasson_Nastase_042518_Storyteller",
    "ProtocolName": "func_task-pieman",
    "PulseSequenceDetails": "%SiemensSeq%_ep2d_bold",
    "ReceiveCoilActiveElements": "HC1-7;NC1",
    "ReceiveCoilName": "HeadNeck_64",
    "ReconMatrixPE": 96,
    "RepetitionTime": 1.5,
    "SAR": 0.0372864,
    "ScanOptions": "FS",
    "ScanningSequence": "EP",
    "SequenceName": "_epfid2d1_96",
    "SequenceVariant": "SK",
    "SeriesDescription": "func_task-pieman",
    "SeriesNumber": 8,
    "ShimSetting": [
      766,
      523,
      2132,
      779,
      -64,
      151,
      224,
      56
    ],
    "SliceThickness": 2.5,
    "SliceTiming": [
      1.11,
      0,
      0.74,
      0.0925,
      0.8325,
      0.185,
      0.925,
      0.2775,
      1.0175,
      0.4625,
      1.2025,
      0.555,
      1.295,
      0.6475,
      1.3875,
      0.37,
      1.11,
      0,
      0.74,
      0.0925,
      0.8325,
      0.185,
      0.925,
      0.2775,
      1.0175,
      0.4625,
      1.2025,
      0.555,
      1.295,
      0.6475,
      1.3875,
      0.37,
      1.11,
      0,
      0.74,
      0.0925,
      0.8325,
      0.185,
      0.925,
      0.2775,
      1.0175,
      0.4625,
      1.2025,
      0.555,
      1.295,
      0.6475,
      1.3875,
      0.37
    ],
    "SoftwareVersions": "syngo_MR_E11",
    "SpacingBetweenSlices": 2.5,
    "StationName": "AWP66018",
    "TaskDescription": "Passively listened to audio story 'piemanpni'",
    "TaskName": "piemanpni",
    "TotalReadoutTime": 0.0484496,
    "TxRefAmp": 227.701,
    "dataset": "ds002345",
    "modality": "bold",
    "subject_id": "286",
    "task_id": "piemanpni"
  },
  "dummy_trs": 0,
  "dvars_nstd": 34.36742638058019,
  "dvars_std": 1.4464118089078504,
  "dvars_vstd": 1.0001372495904437,
  "efc": 0.45940362104991256,
  "fber": 4735.67041015625,
  "fd_mean": 0.15895585503419854,
  "fd_num": 84,
  "fd_perc": 28.571428571428573,
  "fwhm_avg": 2.099874666666667,
  "fwhm_x": 1.9877680000000002,
  "fwhm_y": 2.290276,
  "fwhm_z": 2.02158,
  "gcor": 0.0206014,
  "gsr_x": -0.01822969876229763,
  "gsr_y": 0.03133634477853775,
  "provenance": {
    "md5sum": "2344badb77bccac2874764e278d549be",
    "settings": {
      "fd_thres": 0.2,
      "testing": false
    },
    "software": "mriqc",
    "version": "22.0.0rc1",
    "webapi_port": null,
    "webapi_url": "https://mriqc.nimh.nih.gov/api/v1"
  },
  "size_t": 294,
  "size_x": 96,
  "size_y": 96,
  "size_z": 48,
  "snr": 6.003407350297208,
  "spacing_tr": 1.5,
  "spacing_x": 2.5,
  "spacing_y": 2.5,
  "spacing_z": 2.5,
  "summary_bg_k": 26.253349565913044,
  "summary_bg_mad": 6.918810824332695,
  "summary_bg_mean": 30.729963302612305,
  "summary_bg_median": 10.860544204711914,
  "summary_bg_n": 312839.0,
  "summary_bg_p05": 4.646258354187012,
  "summary_bg_p95": 131.8962615966793,
  "summary_bg_stdv": 60.49702453613281,
  "summary_fg_k": 1.8546253906978754,
  "summary_fg_mad": 117.49115832851743,
  "summary_fg_mean": 758.1551513671875,
  "summary_fg_median": 755.9353637695312,
  "summary_fg_n": 68002.0,
  "summary_fg_p05": 575.5511932373047,
  "summary_fg_p95": 965.1662872314453,
  "summary_fg_stdv": 125.91679382324219,
  "tsnr": 71.52839877130464
}