{
  "aor": 0.0006608483290488431,
  "aqi": 0.0077949551928020566,
  "bids_meta": {
    "AcquisitionMatrixPE": 96,
    "BandwidthPerPixelPhaseEncode": 20.425,
    "BaseResolution": 96,
    "BodyPartExamined": "BRAIN",
    "ConsistencyInfo": "N4_VE11C_LATEST_20160120",
    "ConversionSoftware": "dcm2niix",
    "ConversionSoftwareVersion": "v1.0.20180328 GCC6.3.0",
    "DerivedVendorReportedEchoSpacing": 0.000509996,
    "DeviceSerialNumber": "66018",
    "DwellTime": 2.1e-06,
    "EchoTime": 0.031,
    "EchoTrainLength": 96,
    "EffectiveEchoSpacing": 0.000509996,
    "FlipAngle": 67,
    "ImageOrientationPatientDICOM": [
      1,
      0,
      0,
      0,
      1,
      0
    ],
    "ImageType": [
      "ORIGINAL",
      "PRIMARY",
      "M",
      "ND",
      "NORM",
      "MOSAIC"
    ],
    "InPlanePhaseEncodingDirectionDICOM": "COL",
    "InstitutionAddress": "Washington Rd, Princeton, NJ 08540, USA",
    "InstitutionName": "Princeton University",
    "InstitutionalDepartmentName": "Princeton Neuroscience Institute",
    "MRAcquisitionType": "2D",
    "MagneticFieldStrength": 3,
    "Manufacturer": "Siemens",
    "ManufacturersModelName": "Prisma",
    "Modality": "MR",
    "MultibandAccelerationFactor": 3,
    "NumberOfVolumesDiscardedByScanner": 3,
    "PartialFourier": 1,
    "PatientPosition": "HFS",
    "PercentPhaseFOV": 100,
    "PhaseEncodingDirection": "j-",
    "PhaseEncodingSteps": 96,
    "PhaseResolution": 1,
    "PixelBandwidth": 2480,
    "ProcedureStepDescription": "Hasson_Nastase_042518_Storyteller",
    "ProtocolName": "func_task-bronx",
    "PulseSequenceDetails": "%SiemensSeq%_ep2d_bold",
    "ReceiveCoilActiveElements": "HC1-7;NC1",
    "ReceiveCoilName": "HeadNeck_64",
    "ReconMatrixPE": 96,
    "RepetitionTime": 1.5,
    "SAR": 0.0373087,
    "ScanOptions": "FS",
    "ScanningSequence": "EP",
    "SequenceName": "_epfid2d1_96",
    "SequenceVariant": "SK",
    "SeriesDescription": "func_task-bronx",
    "SeriesNumber": 9,
    "ShimSetting": [
      766,
      523,
      2132,
      779,
      -64,
      151,
      224,
      56
    ],
    "SliceThickness": 2.5,
    "SliceTiming": [
      1.11,
      0,
      0.74,
      0.0925,
      0.8325,
      0.185,
      0.925,
      0.2775,
      1.0175,
      0.4625,
      1.2025,
      0.555,
      1.295,
      0.6475,
      1.3875,
      0.37,
      1.11,
      0,
      0.74,
      0.0925,
      0.8325,
      0.185,
      0.925,
      0.2775,
      1.0175,
      0.4625,
      1.2025,
      0.555,
      1.295,
      0.6475,
      1.3875,
      0.37,
      1.11,
      0,
      0.74,
      0.0925,
      0.8325,
      0.185,
      0.925,
      0.2775,
      1.0175,
      0.4625,
      1.2025,
      0.555,
      1.295,
      0.6475,
      1.3875,
      0.37
    ],
    "SoftwareVersions": "syngo_MR_E11",
    "SpacingBetweenSlices": 2.5,
    "StationName": "AWP66018",
    "TaskDescription": "Passively listened to audio story 'bronx'",
    "TaskName": "bronx",
    "TotalReadoutTime": 0.0484496,
    "TxRefAmp": 227.701,
    "dataset": "ds002345",
    "modality": "bold",
    "subject_id": "286",
    "task_id": "bronx"
  },
  "dummy_trs": 1,
  "dvars_nstd": 33.455855856082465,
  "dvars_std": 1.4076635170360838,
  "dvars_vstd": 0.9982528104381453,
  "efc": 0.45656355432981555,
  "fber": 4950.1513671875,
  "fd_mean": 0.15684958559626194,
  "fd_num": 126,
  "fd_perc": 32.390745501285345,
  "fwhm_avg": 2.1052386666666667,
  "fwhm_x": 1.9871320000000001,
  "fwhm_y": 2.3019439999999998,
  "fwhm_z": 2.02664,
  "gcor": 0.0126752,
  "gsr_x": -0.017324239015579224,
  "gsr_y": 0.030838042497634888,
  "provenance": {
    "md5sum": "c8ad423b2428c63353666c8afd8259b6",
    "settings": {
      "fd_thres": 0.2,
      "testing": false
    },
    "software": "mriqc",
    "version": "22.0.0rc1",
    "webapi_port": null,
    "webapi_url": "https://mriqc.nimh.nih.gov/api/v1"
  },
  "size_t": 389,
  "size_x": 96,
  "size_y": 96,
  "size_z": 48,
  "snr": 5.943879533255643,
  "spacing_tr": 1.5,
  "spacing_x": 2.5,
  "spacing_y": 2.5,
  "spacing_z": 2.5,
  "summary_bg_k": 27.28822193532386,
  "summary_bg_mad": 6.730784960474175,
  "summary_bg_mean": 30.156700134277344,
  "summary_bg_median": 10.676092147827148,
  "summary_bg_n": 313504.0,
  "summary_bg_p05": 4.5732645988464355,
  "summary_bg_p95": 128.6595169067381,
  "summary_bg_stdv": 59.927650451660156,
  "summary_fg_k": 2.0209707159798356,
  "summary_fg_mad": 118.47099333962451,
  "summary_fg_mean": 760.124755859375,
  "summary_fg_median": 757.480712890625,
  "summary_fg_n": 67453.0,
  "summary_fg_p05": 575.7701538085937,
  "summary_fg_p95": 969.2107788085937,
  "summary_fg_stdv": 127.43782806396484,
  "tsnr": 65.07379272021353
}