{
  "aor": 0.00033015679442508714,
  "aqi": 0.006122657526132404,
  "bids_meta": {
    "AcquisitionMatrixPE": 96,
    "BandwidthPerPixelPhaseEncode": 20.425,
    "BaseResolution": 96,
    "BodyPartExamined": "BRAIN",
    "ConsistencyInfo": "N4_VE11C_LATEST_20160120",
    "ConversionSoftware": "dcm2niix",
    "ConversionSoftwareVersion": "v1.0.20180328 GCC6.3.0",
    "DerivedVendorReportedEchoSpacing": 0.000509996,
    "DeviceSerialNumber": "66018",
    "DwellTime": 2.1e-06,
    "EchoTime": 0.031,
    "EchoTrainLength": 96,
    "EffectiveEchoSpacing": 0.000509996,
    "FlipAngle": 67,
    "ImageOrientationPatientDICOM": [
      1,
      0,
      0,
      0,
      1,
      0
    ],
    "ImageType": [
      "ORIGINAL",
      "PRIMARY",
      "M",
      "ND",
      "NORM",
      "MOSAIC"
    ],
    "InPlanePhaseEncodingDirectionDICOM": "COL",
    "InstitutionAddress": "Washington Rd, Princeton, NJ 08540, USA",
    "InstitutionName": "Princeton University",
    "InstitutionalDepartmentName": "Princeton Neuroscience Institute",
    "MRAcquisitionType": "2D",
    "MagneticFieldStrength": 3,
    "Manufacturer": "Siemens",
    "ManufacturersModelName": "Prisma",
    "Modality": "MR",
    "MultibandAccelerationFactor": 3,
    "NumberOfVolumesDiscardedByScanner": 3,
    "PartialFourier": 1,
    "PatientPosition": "HFS",
    "PercentPhaseFOV": 100,
    "PhaseEncodingDirection": "j-",
    "PhaseEncodingSteps": 96,
    "PhaseResolution": 1,
    "PixelBandwidth": 2480,
    "ProcedureStepDescription": "Hasson_Nastase_042518_Storyteller",
    "ProtocolName": "func_task-forgot",
    "PulseSequenceDetails": "%SiemensSeq%_ep2d_bold",
    "ReceiveCoilActiveElements": "HC1-7;NC1",
    "ReceiveCoilName": "HeadNeck_64",
    "ReconMatrixPE": 96,
    "RepetitionTime": 1.5,
    "SAR": 0.0485024,
    "ScanOptions": "FS",
    "ScanningSequence": "EP",
    "SequenceName": "_epfid2d1_96",
    "SequenceVariant": "SK",
    "SeriesDescription": "func_task-forgot",
    "SeriesNumber": 10,
    "ShimSetting": [
      757,
      517,
      2018,
      607,
      -19,
      106,
      114,
      -3
    ],
    "SliceThickness": 2.5,
    "SliceTiming": [
      1.11,
      0,
      0.74,
      0.0925,
      0.8325,
      0.185,
      0.925,
      0.2775,
      1.0175,
      0.4625,
      1.2025,
      0.555,
      1.295,
      0.6475,
      1.3875,
      0.37,
      1.11,
      0,
      0.74,
      0.0925,
      0.8325,
      0.185,
      0.925,
      0.2775,
      1.0175,
      0.4625,
      1.2025,
      0.555,
      1.295,
      0.6475,
      1.3875,
      0.37,
      1.11,
      0,
      0.74,
      0.0925,
      0.8325,
      0.185,
      0.925,
      0.2775,
      1.0175,
      0.4625,
      1.2025,
      0.555,
      1.295,
      0.6475,
      1.3875,
      0.37
    ],
    "SoftwareVersions": "syngo_MR_E11",
    "SpacingBetweenSlices": 2.5,
    "StationName": "AWP66018",
    "TaskDescription": "Passively listened to audio story 'forgot'",
    "TaskName": "forgot",
    "TotalReadoutTime": 0.0484496,
    "TxRefAmp": 253.447,
    "dataset": "ds002345",
    "modality": "bold",
    "subject_id": "273",
    "task_id": "forgot"
  },
  "dummy_trs": 0,
  "dvars_nstd": 30.258005415410143,
  "dvars_std": 1.3009463702792319,
  "dvars_vstd": 1.001344166841187,
  "efc": 0.49647399978779105,
  "fber": 3279.06787109375,
  "fd_mean": 0.12570199958296252,
  "fd_num": 17,
  "fd_perc": 2.961672473867596,
  "fwhm_avg": 1.9373319999999998,
  "fwhm_x": 1.8280560000000001,
  "fwhm_y": 2.084424,
  "fwhm_z": 1.8995159999999998,
  "gcor": 0.0159418,
  "gsr_x": -0.008523275144398212,
  "gsr_y": 0.03254314139485359,
  "provenance": {
    "md5sum": "9d556a746dea5d82f0c45380019bcd16",
    "settings": {
      "fd_thres": 0.2,
      "testing": false
    },
    "software": "mriqc",
    "version": "22.0.0rc1",
    "webapi_port": null,
    "webapi_url": "https://mriqc.nimh.nih.gov/api/v1"
  },
  "size_t": 574,
  "size_x": 96,
  "size_y": 96,
  "size_z": 48,
  "snr": 5.9159782460747525,
  "spacing_tr": 1.5,
  "spacing_x": 2.5,
  "spacing_y": 2.5,
  "spacing_z": 2.5,
  "summary_bg_k": 23.330052883245394,
  "summary_bg_mad": 9.032508305287346,
  "summary_bg_mean": 41.78616714477539,
  "summary_bg_median": 13.2020902633667,
  "summary_bg_n": 303337.0,
  "summary_bg_p05": 5.5714287757873535,
  "summary_bg_p95": 194.46933898925786,
  "summary_bg_stdv": 78.73257446289062,
  "summary_fg_k": 2.0533474205039672,
  "summary_fg_mad": 121.62500695198435,
  "summary_fg_mean": 766.8502807617188,
  "summary_fg_median": 764.171630859375,
  "summary_fg_n": 75026.0,
  "summary_fg_p05": 582.2761383056641,
  "summary_fg_p95": 972.5901489257812,
  "summary_fg_stdv": 129.16993713378906,
  "tsnr": 65.64391140430234
}