{
  "aor": 0.0003724829931972789,
  "aqi": 0.008187169489795918,
  "bids_meta": {
    "AcquisitionMatrixPE": 96,
    "BandwidthPerPixelPhaseEncode": 20.425,
    "BaseResolution": 96,
    "BodyPartExamined": "BRAIN",
    "ConsistencyInfo": "N4_VE11C_LATEST_20160120",
    "ConversionSoftware": "dcm2niix",
    "ConversionSoftwareVersion": "v1.0.20180328 GCC6.3.0",
    "DerivedVendorReportedEchoSpacing": 0.000509996,
    "DeviceSerialNumber": "66018",
    "DwellTime": 2.1e-06,
    "EchoTime": 0.031,
    "EchoTrainLength": 96,
    "EffectiveEchoSpacing": 0.000509996,
    "FlipAngle": 67,
    "ImageOrientationPatientDICOM": [
      1,
      0,
      0,
      0,
      1,
      0
    ],
    "ImageType": [
      "ORIGINAL",
      "PRIMARY",
      "M",
      "ND",
      "NORM",
      "MOSAIC"
    ],
    "InPlanePhaseEncodingDirectionDICOM": "COL",
    "InstitutionAddress": "Washington Rd, Princeton, NJ 08540, USA",
    "InstitutionName": "Princeton University",
    "InstitutionalDepartmentName": "Princeton Neuroscience Institute",
    "MRAcquisitionType": "2D",
    "MagneticFieldStrength": 3,
    "Manufacturer": "Siemens",
    "ManufacturersModelName": "Prisma",
    "Modality": "MR",
    "MultibandAccelerationFactor": 3,
    "NumberOfVolumesDiscardedByScanner": 3,
    "PartialFourier": 1,
    "PatientPosition": "HFS",
    "PercentPhaseFOV": 100,
    "PhaseEncodingDirection": "j-",
    "PhaseEncodingSteps": 96,
    "PhaseResolution": 1,
    "PixelBandwidth": 2480,
    "ProcedureStepDescription": "Hasson_Nastase_042518_Storyteller",
    "ProtocolName": "func_task-pieman",
    "PulseSequenceDetails": "%SiemensSeq%_ep2d_bold",
    "ReceiveCoilActiveElements": "HC1-7;NC1",
    "ReceiveCoilName": "HeadNeck_64",
    "ReconMatrixPE": 96,
    "RepetitionTime": 1.5,
    "SAR": 0.0484447,
    "ScanOptions": "FS",
    "ScanningSequence": "EP",
    "SequenceName": "_epfid2d1_96",
    "SequenceVariant": "SK",
    "SeriesDescription": "func_task-pieman",
    "SeriesNumber": 7,
    "ShimSetting": [
      757,
      517,
      2018,
      607,
      -19,
      106,
      114,
      -3
    ],
    "SliceThickness": 2.5,
    "SliceTiming": [
      1.11,
      0,
      0.74,
      0.0925,
      0.8325,
      0.185,
      0.925,
      0.2775,
      1.0175,
      0.4625,
      1.2025,
      0.555,
      1.295,
      0.6475,
      1.3875,
      0.37,
      1.11,
      0,
      0.74,
      0.0925,
      0.8325,
      0.185,
      0.925,
      0.2775,
      1.0175,
      0.4625,
      1.2025,
      0.555,
      1.295,
      0.6475,
      1.3875,
      0.37,
      1.11,
      0,
      0.74,
      0.0925,
      0.8325,
      0.185,
      0.925,
      0.2775,
      1.0175,
      0.4625,
      1.2025,
      0.555,
      1.295,
      0.6475,
      1.3875,
      0.37
    ],
    "SoftwareVersions": "syngo_MR_E11",
    "SpacingBetweenSlices": 2.5,
    "StationName": "AWP66018",
    "TaskDescription": "Passively listened to audio story 'piemanpni'",
    "TaskName": "piemanpni",
    "TotalReadoutTime": 0.0484496,
    "TxRefAmp": 253.447,
    "dataset": "ds002345",
    "modality": "bold",
    "subject_id": "273",
    "task_id": "piemanpni"
  },
  "dummy_trs": 0,
  "dvars_nstd": 30.28932221170647,
  "dvars_std": 1.2626408066894201,
  "dvars_vstd": 0.9798835989419792,
  "efc": 0.4943787510266004,
  "fber": 3391.154296875,
  "fd_mean": 0.1296312871644895,
  "fd_num": 19,
  "fd_perc": 6.462585034013605,
  "fwhm_avg": 1.955928,
  "fwhm_x": 1.848236,
  "fwhm_y": 2.103636,
  "fwhm_z": 1.915912,
  "gcor": 0.0169949,
  "gsr_x": -0.008144454099237919,
  "gsr_y": 0.03352299705147743,
  "provenance": {
    "md5sum": "ba6c967548f67ee35f15a4a31cd192d6",
    "settings": {
      "fd_thres": 0.2,
      "testing": false
    },
    "software": "mriqc",
    "version": "22.0.0rc1",
    "webapi_port": null,
    "webapi_url": "https://mriqc.nimh.nih.gov/api/v1"
  },
  "size_t": 294,
  "size_x": 96,
  "size_y": 96,
  "size_z": 48,
  "snr": 5.935123918595401,
  "spacing_tr": 1.5,
  "spacing_x": 2.5,
  "spacing_y": 2.5,
  "spacing_z": 2.5,
  "summary_bg_k": 24.160223516881697,
  "summary_bg_mad": 8.946041462568752,
  "summary_bg_mean": 41.09281539916992,
  "summary_bg_median": 13.085033416748047,
  "summary_bg_n": 303612.0,
  "summary_bg_p05": 5.547618865966797,
  "summary_bg_p95": 190.60662918090833,
  "summary_bg_stdv": 77.74870300292969,
  "summary_fg_k": 2.185217691883685,
  "summary_fg_mad": 120.88004096297999,
  "summary_fg_mean": 772.24462890625,
  "summary_fg_median": 769.9234619140625,
  "summary_fg_n": 74856.0,
  "summary_fg_p05": 587.4072875976562,
  "summary_fg_p95": 979.3018493652344,
  "summary_fg_stdv": 129.7223663330078,
  "tsnr": 59.10316334851086
}