{
  "aor": 0.0002636363636363637,
  "aqi": 0.00874345367003367,
  "bids_meta": {
    "CogAtlasID": "https://www.cognitiveatlas.org/task/id/trm_4c8991fadfe01",
    "DeviceSerialNumber": "45031",
    "DwellTime": 5.4e-06,
    "EchoTime": 0.028,
    "EffectiveEchoSpacing": 0.000390001,
    "FlipAngle": 64,
    "InstitutionAddress": "Washington Rd, Princeton, NJ 08540, USA",
    "InstitutionName": "Princeton University",
    "InstitutionalDepartmentName": "Princeton Neuroscience Institute",
    "MagneticFieldStrength": 3,
    "Manufacturer": "Siemens",
    "ManufacturersModelName": "Skyra",
    "NumberOfVolumesDiscardedByScanner": 3,
    "ParallelReductionFactorInPlane": 2,
    "ParallelReductionType": "GRAPPA",
    "PartialFourier": 1,
    "PhaseEncodingDirection": "j-",
    "PixelBandwidth": 1445,
    "PulseSequenceDetails": "%SiemensSeq%_ep2d_bold",
    "PulseSequenceType": "Gradient Echo EPI",
    "ReceiveCoilActiveElements": "HE1-4",
    "ReceiveCoilName": "HeadNeck_20",
    "RepetitionTime": 1.5,
    "ScanOptions": "FS",
    "ScanningSequence": "EP",
    "SequenceName": "_epfid2d1_64",
    "SequenceVariant": "SK",
    "SliceTiming": [
      0,
      0.7775,
      0.055,
      0.8325,
      0.11,
      0.8875,
      0.165,
      0.9425,
      0.22,
      0.9975,
      0.2775,
      1.055,
      0.3325,
      1.11,
      0.3875,
      1.165,
      0.4425,
      1.22,
      0.5,
      1.2775,
      0.555,
      1.3325,
      0.61,
      1.3875,
      0.665,
      1.4425,
      0.72
    ],
    "SoftwareVersions": "syngo_MR_D11",
    "StationName": "AWP45031",
    "TaskDescription": "Passively listened to audio story 'milkyway'",
    "TaskName": "milkyway",
    "TotalReadoutTime": 0.0245701,
    "dataset": "ds002345",
    "modality": "bold",
    "subject_id": "091",
    "task_id": "milkyway"
  },
  "dummy_trs": 0,
  "dvars_nstd": 17.915005574425678,
  "dvars_std": 1.0724037436486495,
  "dvars_vstd": 0.9525305791554051,
  "efc": 0.5825765845498805,
  "fber": 1494.9984130859375,
  "fd_mean": 0.07237111282546212,
  "fd_num": 0,
  "fd_perc": 0.0,
  "fwhm_avg": 1.8411310537799623,
  "fwhm_x": 1.7931366666666666,
  "fwhm_y": 2.1451933333333333,
  "fwhm_z": 1.585063161339887,
  "gcor": 0.0397546,
  "gsr_x": -0.006992531009018421,
  "gsr_y": 0.04337593540549278,
  "provenance": {
    "md5sum": "87143999834a693e89e8a4794a71156e",
    "settings": {
      "fd_thres": 0.2,
      "testing": false
    },
    "software": "mriqc",
    "version": "21.0.0rc2",
    "webapi_port": null,
    "webapi_url": "https://mriqc.nimh.nih.gov/api/v1"
  },
  "size_t": 297,
  "size_x": 64,
  "size_y": 64,
  "size_z": 27,
  "snr": 7.212741637344929,
  "spacing_tr": 1.5,
  "spacing_x": 3.0,
  "spacing_y": 3.0,
  "spacing_z": 3.9999983310699463,
  "summary_bg_k": 18.674194786733203,
  "summary_bg_mad": 14.576424361883856,
  "summary_bg_mean": 48.28737258911133,
  "summary_bg_median": 18.693601608276367,
  "summary_bg_n": 58093.0,
  "summary_bg_p05": 7.505050182342529,
  "summary_bg_p95": 188.48686523437493,
  "summary_bg_stdv": 73.35503387451172,
  "summary_fg_k": 3.2160556747262596,
  "summary_fg_mad": 91.16257170248835,
  "summary_fg_mean": 766.90283203125,
  "summary_fg_median": 759.193603515625,
  "summary_fg_n": 25004.0,
  "summary_fg_p05": 622.3979583740235,
  "summary_fg_p95": 940.6615814208984,
  "summary_fg_stdv": 105.25518035888672,
  "tsnr": 68.57949465024285
}