{
  "aor": 0.0009791578947368422,
  "aqi": 0.008876488168421053,
  "bids_meta": {
    "CogAtlasID": "https://www.cognitiveatlas.org/task/id/trm_4c8991fadfe01",
    "DeviceSerialNumber": "45031",
    "DwellTime": 5.4e-06,
    "EchoTime": 0.028,
    "EffectiveEchoSpacing": 0.000390001,
    "FlipAngle": 64,
    "InstitutionAddress": "Washington Rd, Princeton, NJ 08540, USA",
    "InstitutionName": "Princeton University",
    "InstitutionalDepartmentName": "Princeton Neuroscience Institute",
    "MagneticFieldStrength": 3,
    "Manufacturer": "Siemens",
    "ManufacturersModelName": "Skyra",
    "NumberOfVolumesDiscardedByScanner": 3,
    "ParallelReductionFactorInPlane": 2,
    "ParallelReductionType": "GRAPPA",
    "PartialFourier": 1,
    "PhaseEncodingDirection": "j-",
    "PixelBandwidth": 1445,
    "PulseSequenceDetails": "%SiemensSeq%_ep2d_bold",
    "PulseSequenceType": "Gradient Echo EPI",
    "ReceiveCoilActiveElements": "HE1-4",
    "ReceiveCoilName": "HeadNeck_20",
    "RepetitionTime": 1.5,
    "ScanOptions": "FS",
    "ScanningSequence": "EP",
    "SequenceName": "_epfid2d1_64",
    "SequenceVariant": "SK",
    "SliceTiming": [
      0,
      0.7775,
      0.055,
      0.8325,
      0.11,
      0.8875,
      0.165,
      0.9425,
      0.22,
      0.9975,
      0.2775,
      1.055,
      0.3325,
      1.11,
      0.3875,
      1.165,
      0.4425,
      1.22,
      0.5,
      1.2775,
      0.555,
      1.3325,
      0.61,
      1.3875,
      0.665,
      1.4425,
      0.72
    ],
    "SoftwareVersions": "syngo_MR_D11",
    "StationName": "AWP45031",
    "TaskDescription": "Passively listened to audio story 'prettymouth'",
    "TaskName": "prettymouth",
    "TotalReadoutTime": 0.0245701,
    "dataset": "ds002345",
    "modality": "bold",
    "subject_id": "091",
    "task_id": "prettymouth"
  },
  "dummy_trs": 0,
  "dvars_nstd": 17.882851383291122,
  "dvars_std": 1.0759071060970473,
  "dvars_vstd": 0.9602170770042199,
  "efc": 0.5854019209215349,
  "fber": 1262.5301513671875,
  "fd_mean": 0.07820890613935058,
  "fd_num": 5,
  "fd_perc": 1.0526315789473684,
  "fwhm_avg": 1.8301154956695518,
  "fwhm_x": 1.77293,
  "fwhm_y": 2.150723333333333,
  "fwhm_z": 1.5666931536753224,
  "gcor": 0.0415518,
  "gsr_x": -0.008812814019620419,
  "gsr_y": 0.049824148416519165,
  "provenance": {
    "md5sum": "c3474db8c2e16d2a40b3cb51c5205cbe",
    "settings": {
      "fd_thres": 0.2,
      "testing": false
    },
    "software": "mriqc",
    "version": "21.0.0rc2",
    "webapi_port": null,
    "webapi_url": "https://mriqc.nimh.nih.gov/api/v1"
  },
  "size_t": 475,
  "size_x": 64,
  "size_y": 64,
  "size_z": 27,
  "snr": 7.171087499919554,
  "spacing_tr": 1.5,
  "spacing_x": 3.0,
  "spacing_y": 3.0,
  "spacing_z": 3.9999983310699463,
  "summary_bg_k": 20.047741082028455,
  "summary_bg_mad": 17.928562759254014,
  "summary_bg_mean": 50.78519058227539,
  "summary_bg_median": 21.031578063964844,
  "summary_bg_n": 58176.0,
  "summary_bg_p05": 7.429473400115967,
  "summary_bg_p95": 189.17367553710938,
  "summary_bg_stdv": 75.15841674804688,
  "summary_fg_k": 3.3203298734684807,
  "summary_fg_mad": 91.00520810031665,
  "summary_fg_mean": 765.2887573242188,
  "summary_fg_median": 757.19580078125,
  "summary_fg_n": 25004.0,
  "summary_fg_p05": 619.2711242675781,
  "summary_fg_p95": 939.8118286132811,
  "summary_fg_stdv": 105.58798217773438,
  "tsnr": 65.59115585312247
}