{
  "bids_meta": {
    "DeviceSerialNumber": "45031",
    "DwellTime": 8.2e-06,
    "EchoTime": 0.00308,
    "FlipAngle": 9,
    "InstitutionAddress": "Washington Rd, Princeton, NJ 08540, USA",
    "InstitutionName": "Princeton University",
    "InstitutionalDepartmentName": "Princeton Neuroscience Institute",
    "InversionTime": 0.9,
    "MagneticFieldStrength": 3,
    "Manufacturer": "Siemens",
    "ManufacturersModelName": "Skyra",
    "ParallelReductionFactorInPlane": 2,
    "ParallelReductionType": "GRAPPA",
    "PartialFourier": 1,
    "PixelBandwidth": 240,
    "PulseSequenceDetails": "%SiemensSeq%_tfl",
    "PulseSequenceType": "MPRAGE",
    "ReceiveCoilActiveElements": "HE1-4",
    "ReceiveCoilName": "HeadNeck_20",
    "RepetitionTime": 2.3,
    "ScanOptions": "IR",
    "ScanningSequence": "GR_IR",
    "SequenceName": "_tfl3d1_16ns",
    "SequenceVariant": "SK_SP_MP",
    "SoftwareVersions": "syngo_MR_E11",
    "StationName": "AWP45031",
    "dataset": "ds002345",
    "modality": "T1w",
    "subject_id": "261"
  },
  "cjv": 0.5931370977992885,
  "cnr": 2.2823487175536212,
  "efc": 0.6832081459259134,
  "fber": 616.8899980022182,
  "fwhm_avg": 3.3166177738743765,
  "fwhm_x": 3.345099867077674,
  "fwhm_y": 3.487266909090909,
  "fwhm_z": 3.1174865454545455,
  "icvs_csf": 0.16809447259566013,
  "icvs_gm": 0.43235584561394774,
  "icvs_wm": 0.39954968179039213,
  "inu_med": 1.3639633655548096,
  "inu_range": 0.5746716916561128,
  "provenance": {
    "md5sum": "a1bf5ac99ff76e0e648320a9845633c6",
    "settings": {
      "testing": false
    },
    "software": "mriqc",
    "version": "22.0.0rc1",
    "warnings": {
      "large_rot_frame": true,
      "small_air_mask": false
    },
    "webapi_port": null,
    "webapi_url": "https://mriqc.nimh.nih.gov/api/v1"
  },
  "qi_1": 0.0,
  "qi_2": 0.00375016797946528,
  "rpve_csf": 20.30386507997307,
  "rpve_gm": 8.962962478536898,
  "rpve_wm": 11.500456919421568,
  "size_x": 192,
  "size_y": 256,
  "size_z": 256,
  "snr_csf": 2.860879064475426,
  "snr_gm": 8.621015889720221,
  "snr_total": 8.85186263240326,
  "snr_wm": 15.073692943014128,
  "snrd_csf": 19.51890374099405,
  "snrd_gm": 33.0941220043538,
  "snrd_total": 32.29004023955501,
  "snrd_wm": 44.25709497331719,
  "spacing_x": 0.9000000357627869,
  "spacing_y": 0.859375,
  "spacing_z": 0.859375,
  "summary_bg_k": 1.9050509553108501,
  "summary_bg_mad": 14.802967915749866,
  "summary_bg_mean": 27.05288886667483,
  "summary_bg_median": 24.96112532913685,
  "summary_bg_n": 2109570.0,
  "summary_bg_p05": 6.219821393489838,
  "summary_bg_p95": 59.25198274850845,
  "summary_bg_stdv": 16.99663276847321,
  "summary_csf_k": -0.794273561293593,
  "summary_csf_mad": 191.58923228663147,
  "summary_csf_mean": 432.2611040293601,
  "summary_csf_median": 441.034440651536,
  "summary_csf_n": 13252.0,
  "summary_csf_p05": 199.78721033930782,
  "summary_csf_p95": 664.4037764452395,
  "summary_csf_stdv": 154.15464621225817,
  "summary_gm_k": 0.1418579997878724,
  "summary_gm_mad": 84.93506181167956,
  "summary_gm_mean": 752.7625536326073,
  "summary_gm_median": 747.769843056798,
  "summary_gm_n": 31353.0,
  "summary_gm_p05": 617.5627925693989,
  "summary_gm_p95": 903.7073125720023,
  "summary_gm_stdv": 86.73663608956991,
  "summary_wm_k": 0.248328153352805,
  "summary_wm_mad": 64.67198277946459,
  "summary_wm_mean": 1001.8998537547546,
  "summary_wm_median": 999.9999685138464,
  "summary_wm_n": 395061.0,
  "summary_wm_p05": 895.9816396832466,
  "summary_wm_p95": 1113.675388455391,
  "summary_wm_stdv": 66.34065763885677,
  "tpm_overlap_csf": 0.17957690358161926,
  "tpm_overlap_gm": 0.44387349486351013,
  "tpm_overlap_wm": 0.515307605266571,
  "wm2max": 0.46189612156951687
}