{
  "aor": 0.001666401028277635,
  "aqi": 0.00904074470437018,
  "bids_meta": {
    "AcquisitionMatrixPE": 96,
    "BandwidthPerPixelPhaseEncode": 20.425,
    "BaseResolution": 96,
    "BodyPartExamined": "BRAIN",
    "ConsistencyInfo": "N4_VE11C_LATEST_20160120",
    "ConversionSoftware": "dcm2niix",
    "ConversionSoftwareVersion": "v1.0.20180328 GCC6.3.0",
    "DerivedVendorReportedEchoSpacing": 0.000509996,
    "DeviceSerialNumber": "66018",
    "DwellTime": 2.1e-06,
    "EchoTime": 0.031,
    "EchoTrainLength": 96,
    "EffectiveEchoSpacing": 0.000509996,
    "FlipAngle": 67,
    "ImageOrientationPatientDICOM": [
      1,
      0,
      0,
      0,
      1,
      0
    ],
    "ImageType": [
      "ORIGINAL",
      "PRIMARY",
      "M",
      "ND",
      "NORM",
      "MOSAIC"
    ],
    "InPlanePhaseEncodingDirectionDICOM": "COL",
    "InstitutionAddress": "Washington Rd, Princeton, NJ 08540, USA",
    "InstitutionName": "Princeton University",
    "InstitutionalDepartmentName": "Princeton Neuroscience Institute",
    "MRAcquisitionType": "2D",
    "MagneticFieldStrength": 3,
    "Manufacturer": "Siemens",
    "ManufacturersModelName": "Prisma",
    "Modality": "MR",
    "MultibandAccelerationFactor": 3,
    "NumberOfVolumesDiscardedByScanner": 3,
    "PartialFourier": 1,
    "PatientPosition": "HFS",
    "PercentPhaseFOV": 100,
    "PhaseEncodingDirection": "j-",
    "PhaseEncodingSteps": 96,
    "PhaseResolution": 1,
    "PixelBandwidth": 2480,
    "ProcedureStepDescription": "Hasson_Nastase_042518_Storyteller",
    "ProtocolName": "func_task-bronx",
    "PulseSequenceDetails": "%SiemensSeq%_ep2d_bold",
    "ReceiveCoilActiveElements": "HC1-7;NC1",
    "ReceiveCoilName": "HeadNeck_64",
    "ReconMatrixPE": 96,
    "RepetitionTime": 1.5,
    "SAR": 0.0503987,
    "ScanOptions": "FS",
    "ScanningSequence": "EP",
    "SequenceName": "_epfid2d1_96",
    "SequenceVariant": "SK",
    "SeriesDescription": "func_task-bronx",
    "SeriesNumber": 8,
    "ShimSetting": [
      746,
      532,
      2030,
      224,
      -127,
      -125,
      183,
      -1
    ],
    "SliceThickness": 2.5,
    "SliceTiming": [
      1.11,
      0,
      0.74,
      0.0925,
      0.8325,
      0.185,
      0.925,
      0.2775,
      1.0175,
      0.4625,
      1.2025,
      0.555,
      1.295,
      0.6475,
      1.3875,
      0.37,
      1.11,
      0,
      0.74,
      0.0925,
      0.8325,
      0.185,
      0.925,
      0.2775,
      1.0175,
      0.4625,
      1.2025,
      0.555,
      1.295,
      0.6475,
      1.3875,
      0.37,
      1.11,
      0,
      0.74,
      0.0925,
      0.8325,
      0.185,
      0.925,
      0.2775,
      1.0175,
      0.4625,
      1.2025,
      0.555,
      1.295,
      0.6475,
      1.3875,
      0.37
    ],
    "SoftwareVersions": "syngo_MR_E11",
    "SpacingBetweenSlices": 2.5,
    "StationName": "AWP66018",
    "TaskDescription": "Passively listened to audio story 'bronx'",
    "TaskName": "bronx",
    "TotalReadoutTime": 0.0484496,
    "TxRefAmp": 262.322,
    "dataset": "ds002345",
    "modality": "bold",
    "subject_id": "274",
    "task_id": "bronx"
  },
  "dummy_trs": 1,
  "dvars_nstd": 27.24641556110825,
  "dvars_std": 1.1751294430927832,
  "dvars_vstd": 1.0200476464948458,
  "efc": 0.4763085152144255,
  "fber": 4056.405517578125,
  "fd_mean": 0.16981386383504088,
  "fd_num": 84,
  "fd_perc": 21.59383033419023,
  "fwhm_avg": 1.892848,
  "fwhm_x": 1.745532,
  "fwhm_y": 1.9932960000000002,
  "fwhm_z": 1.939716,
  "gcor": 0.0126911,
  "gsr_x": -0.006742605473846197,
  "gsr_y": 0.04723713546991348,
  "provenance": {
    "md5sum": "d817628307df94f17782615af44a6463",
    "settings": {
      "fd_thres": 0.2,
      "testing": false
    },
    "software": "mriqc",
    "version": "22.0.0rc1",
    "webapi_port": null,
    "webapi_url": "https://mriqc.nimh.nih.gov/api/v1"
  },
  "size_t": 389,
  "size_x": 96,
  "size_y": 96,
  "size_z": 48,
  "snr": 6.044011781310172,
  "spacing_tr": 1.5,
  "spacing_x": 2.5,
  "spacing_y": 2.5,
  "spacing_z": 2.5,
  "summary_bg_k": 44.91081566249034,
  "summary_bg_mad": 8.346784136001508,
  "summary_bg_mean": 35.5421257019043,
  "summary_bg_median": 12.375321388244629,
  "summary_bg_n": 308411.0,
  "summary_bg_p05": 4.98971700668335,
  "summary_bg_p95": 154.6902313232422,
  "summary_bg_stdv": 69.2938003540039,
  "summary_fg_k": 2.967517302399032,
  "summary_fg_mad": 109.35041975544607,
  "summary_fg_mean": 788.1929931640625,
  "summary_fg_median": 785.6864013671875,
  "summary_fg_n": 73343.0,
  "summary_fg_p05": 599.2180053710938,
  "summary_fg_p95": 995.3413940429685,
  "summary_fg_stdv": 129.99330139160156,
  "tsnr": 60.194781529251486
}