{
  "aor": 0.0026275045537340618,
  "aqi": 0.011175995482695808,
  "bids_meta": {
    "AcquisitionMatrixPE": 96,
    "BandwidthPerPixelPhaseEncode": 20.425,
    "BaseResolution": 96,
    "BodyPartExamined": "BRAIN",
    "ConsistencyInfo": "N4_VE11C_LATEST_20160120",
    "ConversionSoftware": "dcm2niix",
    "ConversionSoftwareVersion": "v1.0.20180328 GCC6.3.0",
    "DerivedVendorReportedEchoSpacing": 0.000509996,
    "DeviceSerialNumber": "66018",
    "DwellTime": 2.1e-06,
    "EchoTime": 0.031,
    "EchoTrainLength": 96,
    "EffectiveEchoSpacing": 0.000509996,
    "FlipAngle": 67,
    "ImageOrientationPatientDICOM": [
      1,
      0,
      0,
      0,
      1,
      0
    ],
    "ImageType": [
      "ORIGINAL",
      "PRIMARY",
      "M",
      "ND",
      "NORM",
      "MOSAIC"
    ],
    "InPlanePhaseEncodingDirectionDICOM": "COL",
    "InstitutionAddress": "Washington Rd, Princeton, NJ 08540, USA",
    "InstitutionName": "Princeton University",
    "InstitutionalDepartmentName": "Princeton Neuroscience Institute",
    "MRAcquisitionType": "2D",
    "MagneticFieldStrength": 3,
    "Manufacturer": "Siemens",
    "ManufacturersModelName": "Prisma",
    "Modality": "MR",
    "MultibandAccelerationFactor": 3,
    "NumberOfVolumesDiscardedByScanner": 3,
    "PartialFourier": 1,
    "PatientPosition": "HFS",
    "PercentPhaseFOV": 100,
    "PhaseEncodingDirection": "j-",
    "PhaseEncodingSteps": 96,
    "PhaseResolution": 1,
    "PixelBandwidth": 2480,
    "ProcedureStepDescription": "Hasson_Nastase_042518_Storyteller",
    "ProtocolName": "func_task-black",
    "PulseSequenceDetails": "%SiemensSeq%_ep2d_bold",
    "ReceiveCoilActiveElements": "HC1-7;NC1",
    "ReceiveCoilName": "HeadNeck_64",
    "ReconMatrixPE": 96,
    "RepetitionTime": 1.5,
    "SAR": 0.0490913,
    "ScanOptions": "FS",
    "ScanningSequence": "EP",
    "SequenceName": "_epfid2d1_96",
    "SequenceVariant": "SK",
    "SeriesDescription": "func_task-black",
    "SeriesNumber": 8,
    "ShimSetting": [
      741,
      526,
      2036,
      290,
      -115,
      -35,
      127,
      35
    ],
    "SliceThickness": 2.5,
    "SliceTiming": [
      1.11,
      0,
      0.74,
      0.0925,
      0.8325,
      0.185,
      0.925,
      0.2775,
      1.0175,
      0.4625,
      1.2025,
      0.555,
      1.295,
      0.6475,
      1.3875,
      0.37,
      1.11,
      0,
      0.74,
      0.0925,
      0.8325,
      0.185,
      0.925,
      0.2775,
      1.0175,
      0.4625,
      1.2025,
      0.555,
      1.295,
      0.6475,
      1.3875,
      0.37,
      1.11,
      0,
      0.74,
      0.0925,
      0.8325,
      0.185,
      0.925,
      0.2775,
      1.0175,
      0.4625,
      1.2025,
      0.555,
      1.295,
      0.6475,
      1.3875,
      0.37
    ],
    "SoftwareVersions": "syngo_MR_E11",
    "SpacingBetweenSlices": 2.5,
    "StationName": "AWP66018",
    "TaskDescription": "Passively listened to audio story 'black'",
    "TaskName": "black",
    "TotalReadoutTime": 0.0484496,
    "TxRefAmp": 255.196,
    "dataset": "ds002345",
    "modality": "bold",
    "subject_id": "274",
    "task_id": "black"
  },
  "dummy_trs": 1,
  "dvars_nstd": 28.842708538868646,
  "dvars_std": 1.1764366392518233,
  "dvars_vstd": 1.0070658486496336,
  "efc": 0.4928206137679617,
  "fber": 3197.824462890625,
  "fd_mean": 0.15224834573856494,
  "fd_num": 83,
  "fd_perc": 15.1183970856102,
  "fwhm_avg": 1.8425933333333333,
  "fwhm_x": 1.722636,
  "fwhm_y": 1.954424,
  "fwhm_z": 1.8507200000000001,
  "gcor": 0.0258527,
  "gsr_x": -0.01459441427141428,
  "gsr_y": 0.03626682236790657,
  "provenance": {
    "md5sum": "a0604d07f86a871204beb04f309b52b3",
    "settings": {
      "fd_thres": 0.2,
      "testing": false
    },
    "software": "mriqc",
    "version": "22.0.0rc1",
    "webapi_port": null,
    "webapi_url": "https://mriqc.nimh.nih.gov/api/v1"
  },
  "size_t": 549,
  "size_x": 96,
  "size_y": 96,
  "size_z": 48,
  "snr": 5.987392710592447,
  "spacing_tr": 1.5,
  "spacing_x": 2.5,
  "spacing_y": 2.5,
  "spacing_z": 2.5,
  "summary_bg_k": 46.020550404419986,
  "summary_bg_mad": 9.095453887547993,
  "summary_bg_mean": 36.956207275390625,
  "summary_bg_median": 13.285974502563477,
  "summary_bg_n": 301791.0,
  "summary_bg_p05": 5.475409984588623,
  "summary_bg_p95": 157.2759552001953,
  "summary_bg_stdv": 68.99501037597656,
  "summary_fg_k": 3.0552323803804313,
  "summary_fg_mad": 106.73523395742289,
  "summary_fg_mean": 759.3079223632812,
  "summary_fg_median": 756.3469848632812,
  "summary_fg_n": 77556.0,
  "summary_fg_p05": 580.7409057617188,
  "summary_fg_p95": 959.4918212890625,
  "summary_fg_stdv": 126.32244873046875,
  "tsnr": 53.21574270748533
}