{
  "aor": 0.0012091496598639455,
  "aqi": 0.008216755646258504,
  "bids_meta": {
    "AcquisitionMatrixPE": 96,
    "BandwidthPerPixelPhaseEncode": 20.425,
    "BaseResolution": 96,
    "BodyPartExamined": "BRAIN",
    "ConsistencyInfo": "N4_VE11C_LATEST_20160120",
    "ConversionSoftware": "dcm2niix",
    "ConversionSoftwareVersion": "v1.0.20180328 GCC6.3.0",
    "DerivedVendorReportedEchoSpacing": 0.000509996,
    "DeviceSerialNumber": "66018",
    "DwellTime": 2.1e-06,
    "EchoTime": 0.031,
    "EchoTrainLength": 96,
    "EffectiveEchoSpacing": 0.000509996,
    "FlipAngle": 67,
    "ImageOrientationPatientDICOM": [
      1,
      0,
      0,
      0,
      1,
      0
    ],
    "ImageType": [
      "ORIGINAL",
      "PRIMARY",
      "M",
      "ND",
      "NORM",
      "MOSAIC"
    ],
    "InPlanePhaseEncodingDirectionDICOM": "COL",
    "InstitutionAddress": "Washington Rd, Princeton, NJ 08540, USA",
    "InstitutionName": "Princeton University",
    "InstitutionalDepartmentName": "Princeton Neuroscience Institute",
    "MRAcquisitionType": "2D",
    "MagneticFieldStrength": 3,
    "Manufacturer": "Siemens",
    "ManufacturersModelName": "Prisma",
    "Modality": "MR",
    "MultibandAccelerationFactor": 3,
    "NumberOfVolumesDiscardedByScanner": 3,
    "PartialFourier": 1,
    "PatientPosition": "HFS",
    "PercentPhaseFOV": 100,
    "PhaseEncodingDirection": "j-",
    "PhaseEncodingSteps": 96,
    "PhaseResolution": 1,
    "PixelBandwidth": 2480,
    "ProcedureStepDescription": "Hasson_Nastase_042518_Storyteller",
    "ProtocolName": "func_task-pieman",
    "PulseSequenceDetails": "%SiemensSeq%_ep2d_bold",
    "ReceiveCoilActiveElements": "HC1-7;NC1",
    "ReceiveCoilName": "HeadNeck_64",
    "ReconMatrixPE": 96,
    "RepetitionTime": 1.5,
    "SAR": 0.0490355,
    "ScanOptions": "FS",
    "ScanningSequence": "EP",
    "SequenceName": "_epfid2d1_96",
    "SequenceVariant": "SK",
    "SeriesDescription": "func_task-pieman",
    "SeriesNumber": 7,
    "ShimSetting": [
      741,
      526,
      2036,
      290,
      -115,
      -35,
      127,
      35
    ],
    "SliceThickness": 2.5,
    "SliceTiming": [
      1.11,
      0,
      0.74,
      0.0925,
      0.8325,
      0.185,
      0.925,
      0.2775,
      1.0175,
      0.4625,
      1.2025,
      0.555,
      1.295,
      0.6475,
      1.3875,
      0.37,
      1.11,
      0,
      0.74,
      0.0925,
      0.8325,
      0.185,
      0.925,
      0.2775,
      1.0175,
      0.4625,
      1.2025,
      0.555,
      1.295,
      0.6475,
      1.3875,
      0.37,
      1.11,
      0,
      0.74,
      0.0925,
      0.8325,
      0.185,
      0.925,
      0.2775,
      1.0175,
      0.4625,
      1.2025,
      0.555,
      1.295,
      0.6475,
      1.3875,
      0.37
    ],
    "SoftwareVersions": "syngo_MR_E11",
    "SpacingBetweenSlices": 2.5,
    "StationName": "AWP66018",
    "TaskDescription": "Passively listened to audio story 'piemanpni'",
    "TaskName": "piemanpni",
    "TotalReadoutTime": 0.0484496,
    "TxRefAmp": 255.196,
    "dataset": "ds002345",
    "modality": "bold",
    "subject_id": "274",
    "task_id": "piemanpni"
  },
  "dummy_trs": 0,
  "dvars_nstd": 26.111278032764503,
  "dvars_std": 1.1784930137542662,
  "dvars_vstd": 1.009792095460752,
  "efc": 0.4919913127044588,
  "fber": 3277.288330078125,
  "fd_mean": 0.10489610383949634,
  "fd_num": 15,
  "fd_perc": 5.1020408163265305,
  "fwhm_avg": 1.828293333333333,
  "fwhm_x": 1.713764,
  "fwhm_y": 1.937236,
  "fwhm_z": 1.83388,
  "gcor": 0.018947,
  "gsr_x": -0.014655589126050472,
  "gsr_y": 0.03582137078046799,
  "provenance": {
    "md5sum": "c41cc58af16faf906a4f4422e66ff9d1",
    "settings": {
      "fd_thres": 0.2,
      "testing": false
    },
    "software": "mriqc",
    "version": "22.0.0rc1",
    "webapi_port": null,
    "webapi_url": "https://mriqc.nimh.nih.gov/api/v1"
  },
  "size_t": 294,
  "size_x": 96,
  "size_y": 96,
  "size_z": 48,
  "snr": 5.9933876380659274,
  "spacing_tr": 1.5,
  "spacing_x": 2.5,
  "spacing_y": 2.5,
  "spacing_z": 2.5,
  "summary_bg_k": 40.95748655950719,
  "summary_bg_mad": 9.082199804681066,
  "summary_bg_mean": 36.67130661010742,
  "summary_bg_median": 13.173469543457031,
  "summary_bg_n": 301961.0,
  "summary_bg_p05": 5.425169944763184,
  "summary_bg_p95": 155.63604736328125,
  "summary_bg_stdv": 67.74504852294922,
  "summary_fg_k": 3.0443101095853313,
  "summary_fg_mad": 107.10543205775897,
  "summary_fg_mean": 761.400634765625,
  "summary_fg_median": 758.1836547851562,
  "summary_fg_n": 77495.0,
  "summary_fg_p05": 582.6078002929687,
  "summary_fg_p95": 962.9122253417969,
  "summary_fg_stdv": 126.5025405883789,
  "tsnr": 62.921753449132666
}