{
  "aor": 0.005779895287958116,
  "aqi": 0.022164652914485168,
  "bids_meta": {
    "AcquisitionMatrixPE": 96,
    "BandwidthPerPixelPhaseEncode": 20.425,
    "BaseResolution": 96,
    "BodyPartExamined": "BRAIN",
    "ConsistencyInfo": "N4_VE11C_LATEST_20160120",
    "ConversionSoftware": "dcm2niix",
    "ConversionSoftwareVersion": "v1.0.20180328 GCC6.3.0",
    "DerivedVendorReportedEchoSpacing": 0.000509996,
    "DeviceSerialNumber": "66018",
    "DwellTime": 2.1e-06,
    "EchoTime": 0.031,
    "EchoTrainLength": 96,
    "EffectiveEchoSpacing": 0.000509996,
    "FlipAngle": 67,
    "ImageOrientationPatientDICOM": [
      1,
      0,
      0,
      0,
      1,
      0
    ],
    "ImageType": [
      "ORIGINAL",
      "PRIMARY",
      "M",
      "ND",
      "NORM",
      "MOSAIC"
    ],
    "InPlanePhaseEncodingDirectionDICOM": "COL",
    "InstitutionAddress": "Washington Rd, Princeton, NJ 08540, USA",
    "InstitutionName": "Princeton University",
    "InstitutionalDepartmentName": "Princeton Neuroscience Institute",
    "MRAcquisitionType": "2D",
    "MagneticFieldStrength": 3,
    "Manufacturer": "Siemens",
    "ManufacturersModelName": "Prisma",
    "Modality": "MR",
    "MultibandAccelerationFactor": 3,
    "NumberOfVolumesDiscardedByScanner": 3,
    "PartialFourier": 1,
    "PatientPosition": "HFS",
    "PercentPhaseFOV": 100,
    "PhaseEncodingDirection": "j-",
    "PhaseEncodingSteps": 96,
    "PhaseResolution": 1,
    "PixelBandwidth": 2480,
    "ProcedureStepDescription": "Hasson_Nastase_042518_Storyteller",
    "ProtocolName": "func_task-forgot",
    "PulseSequenceDetails": "%SiemensSeq%_ep2d_bold",
    "ReceiveCoilActiveElements": "HC1-7;NC1",
    "ReceiveCoilName": "HeadNeck_64",
    "ReconMatrixPE": 96,
    "RepetitionTime": 1.5,
    "SAR": 0.049094,
    "ScanOptions": "FS",
    "ScanningSequence": "EP",
    "SequenceName": "_epfid2d1_96",
    "SequenceVariant": "SK",
    "SeriesDescription": "func_task-forgot",
    "SeriesNumber": 9,
    "ShimSetting": [
      741,
      526,
      2036,
      290,
      -115,
      -35,
      127,
      35
    ],
    "SliceThickness": 2.5,
    "SliceTiming": [
      1.11,
      0,
      0.74,
      0.0925,
      0.8325,
      0.185,
      0.925,
      0.2775,
      1.0175,
      0.4625,
      1.2025,
      0.555,
      1.295,
      0.6475,
      1.3875,
      0.37,
      1.11,
      0,
      0.74,
      0.0925,
      0.8325,
      0.185,
      0.925,
      0.2775,
      1.0175,
      0.4625,
      1.2025,
      0.555,
      1.295,
      0.6475,
      1.3875,
      0.37,
      1.11,
      0,
      0.74,
      0.0925,
      0.8325,
      0.185,
      0.925,
      0.2775,
      1.0175,
      0.4625,
      1.2025,
      0.555,
      1.295,
      0.6475,
      1.3875,
      0.37
    ],
    "SoftwareVersions": "syngo_MR_E11",
    "SpacingBetweenSlices": 2.5,
    "StationName": "AWP66018",
    "TaskDescription": "Passively listened to audio story 'forgot'",
    "TaskName": "forgot",
    "TotalReadoutTime": 0.0484496,
    "TxRefAmp": 255.196,
    "dataset": "ds002345",
    "modality": "bold",
    "subject_id": "274",
    "task_id": "forgot"
  },
  "dummy_trs": 1,
  "dvars_nstd": 28.078922965209788,
  "dvars_std": 1.1672939743181818,
  "dvars_vstd": 1.0320677385489498,
  "efc": 0.48713613193267813,
  "fber": 3484.346435546875,
  "fd_mean": 0.17257276520187978,
  "fd_num": 118,
  "fd_perc": 20.593368237347295,
  "fwhm_avg": 1.8674173333333333,
  "fwhm_x": 1.734948,
  "fwhm_y": 1.9892600000000003,
  "fwhm_z": 1.8780439999999998,
  "gcor": 0.00864089,
  "gsr_x": -0.012524873949587345,
  "gsr_y": 0.03979506343603134,
  "provenance": {
    "md5sum": "c72f277a2f01c3ea6f31c6898458dfbe",
    "settings": {
      "fd_thres": 0.2,
      "testing": false
    },
    "software": "mriqc",
    "version": "22.0.0rc1",
    "webapi_port": null,
    "webapi_url": "https://mriqc.nimh.nih.gov/api/v1"
  },
  "size_t": 573,
  "size_x": 96,
  "size_y": 96,
  "size_z": 48,
  "snr": 6.160863000851939,
  "spacing_tr": 1.5,
  "spacing_x": 2.5,
  "spacing_y": 2.5,
  "spacing_z": 2.5,
  "summary_bg_k": 40.167358483867005,
  "summary_bg_mad": 9.037922203654901,
  "summary_bg_mean": 35.94263458251953,
  "summary_bg_median": 12.839441299438477,
  "summary_bg_n": 302877.0,
  "summary_bg_p05": 4.958115100860596,
  "summary_bg_p95": 152.33752441406264,
  "summary_bg_stdv": 66.52352905273438,
  "summary_fg_k": 3.365212253832948,
  "summary_fg_mad": 102.4729335609354,
  "summary_fg_mean": 758.8233032226562,
  "summary_fg_median": 754.9738159179688,
  "summary_fg_n": 75925.0,
  "summary_fg_p05": 584.3326538085937,
  "summary_fg_p95": 953.2268798828126,
  "summary_fg_stdv": 122.54270935058594,
  "tsnr": 41.60769469453953
}