{
  "aor": 0.00035553846153846155,
  "aqi": 0.0067714377435897435,
  "bids_meta": {
    "AcquisitionMatrixPE": 96,
    "BandwidthPerPixelPhaseEncode": 20.425,
    "BaseResolution": 96,
    "BodyPartExamined": "BRAIN",
    "ConsistencyInfo": "N4_VE11C_LATEST_20160120",
    "ConversionSoftware": "dcm2niix",
    "ConversionSoftwareVersion": "v1.0.20180328 GCC6.3.0",
    "DerivedVendorReportedEchoSpacing": 0.000509996,
    "DeviceSerialNumber": "66018",
    "DwellTime": 2.1e-06,
    "EchoTime": 0.031,
    "EchoTrainLength": 96,
    "EffectiveEchoSpacing": 0.000509996,
    "FlipAngle": 67,
    "ImageOrientationPatientDICOM": [
      1,
      0,
      0,
      0,
      1,
      0
    ],
    "ImageType": [
      "ORIGINAL",
      "PRIMARY",
      "M",
      "ND",
      "NORM",
      "MOSAIC"
    ],
    "InPlanePhaseEncodingDirectionDICOM": "COL",
    "InstitutionAddress": "Washington Rd, Princeton, NJ 08540, USA",
    "InstitutionName": "Princeton University",
    "InstitutionalDepartmentName": "Princeton Neuroscience Institute",
    "MRAcquisitionType": "2D",
    "MagneticFieldStrength": 3,
    "Manufacturer": "Siemens",
    "ManufacturersModelName": "Prisma",
    "Modality": "MR",
    "MultibandAccelerationFactor": 3,
    "NumberOfVolumesDiscardedByScanner": 3,
    "PartialFourier": 1,
    "PatientPosition": "HFS",
    "PercentPhaseFOV": 100,
    "PhaseEncodingDirection": "j-",
    "PhaseEncodingSteps": 96,
    "PhaseResolution": 1,
    "PixelBandwidth": 2480,
    "ProcedureStepDescription": "Hasson_Nastase_042518_Storyteller",
    "ProtocolName": "func_task-bronx",
    "PulseSequenceDetails": "%SiemensSeq%_ep2d_bold",
    "ReceiveCoilActiveElements": "HC1-7;NC1",
    "ReceiveCoilName": "HeadNeck_64",
    "ReconMatrixPE": 96,
    "RepetitionTime": 1.5,
    "SAR": 0.0435426,
    "ScanOptions": "FS",
    "ScanningSequence": "EP",
    "SequenceName": "_epfid2d1_96",
    "SequenceVariant": "SK",
    "SeriesDescription": "func_task-bronx",
    "SeriesNumber": 7,
    "ShimSetting": [
      743,
      563,
      2029,
      348,
      -123,
      155,
      126,
      76
    ],
    "SliceThickness": 2.5,
    "SliceTiming": [
      1.11,
      0,
      0.74,
      0.0925,
      0.8325,
      0.185,
      0.925,
      0.2775,
      1.0175,
      0.4625,
      1.2025,
      0.555,
      1.295,
      0.6475,
      1.3875,
      0.37,
      1.11,
      0,
      0.74,
      0.0925,
      0.8325,
      0.185,
      0.925,
      0.2775,
      1.0175,
      0.4625,
      1.2025,
      0.555,
      1.295,
      0.6475,
      1.3875,
      0.37,
      1.11,
      0,
      0.74,
      0.0925,
      0.8325,
      0.185,
      0.925,
      0.2775,
      1.0175,
      0.4625,
      1.2025,
      0.555,
      1.295,
      0.6475,
      1.3875,
      0.37
    ],
    "SoftwareVersions": "syngo_MR_E11",
    "SpacingBetweenSlices": 2.5,
    "StationName": "AWP66018",
    "TaskDescription": "Passively listened to audio story 'bronx'",
    "TaskName": "bronx",
    "TotalReadoutTime": 0.0484496,
    "TxRefAmp": 240.665,
    "dataset": "ds002345",
    "modality": "bold",
    "subject_id": "293",
    "task_id": "bronx"
  },
  "dummy_trs": 0,
  "dvars_nstd": 26.252340218663246,
  "dvars_std": 1.2408284811825188,
  "dvars_vstd": 0.9790494672493579,
  "efc": 0.46295637278338425,
  "fber": 4194.92578125,
  "fd_mean": 0.0783974769880308,
  "fd_num": 0,
  "fd_perc": 0.0,
  "fwhm_avg": 1.9381373333333334,
  "fwhm_x": 1.83846,
  "fwhm_y": 2.023792,
  "fwhm_z": 1.95216,
  "gcor": 0.0138267,
  "gsr_x": -0.023841168731451035,
  "gsr_y": 0.03505648300051689,
  "provenance": {
    "md5sum": "9f94373a2acf6e31400af27847c47c66",
    "settings": {
      "fd_thres": 0.2,
      "testing": false
    },
    "software": "mriqc",
    "version": "22.0.0rc1",
    "webapi_port": null,
    "webapi_url": "https://mriqc.nimh.nih.gov/api/v1"
  },
  "size_t": 390,
  "size_x": 96,
  "size_y": 96,
  "size_z": 48,
  "snr": 5.6930126688871585,
  "spacing_tr": 1.5,
  "spacing_x": 2.5,
  "spacing_y": 2.5,
  "spacing_z": 2.5,
  "summary_bg_k": 36.718432033723076,
  "summary_bg_mad": 8.070678854055318,
  "summary_bg_mean": 32.13272476196289,
  "summary_bg_median": 12.525641441345215,
  "summary_bg_n": 310394.0,
  "summary_bg_p05": 5.312820911407471,
  "summary_bg_p95": 133.32063903808574,
  "summary_bg_stdv": 59.43318176269531,
  "summary_fg_k": 1.5137485135252415,
  "summary_fg_mad": 142.20439264726235,
  "summary_fg_mean": 819.4085693359375,
  "summary_fg_median": 815.8577270507812,
  "summary_fg_n": 70084.0,
  "summary_fg_p05": 613.7897338867188,
  "summary_fg_p95": 1049.5683166503895,
  "summary_fg_stdv": 143.30758666992188,
  "tsnr": 67.2074623927474
}