{
  "aor": 0.0007102721088435374,
  "aqi": 0.006614525170068028,
  "bids_meta": {
    "AcquisitionMatrixPE": 96,
    "BandwidthPerPixelPhaseEncode": 20.425,
    "BaseResolution": 96,
    "BodyPartExamined": "BRAIN",
    "ConsistencyInfo": "N4_VE11C_LATEST_20160120",
    "ConversionSoftware": "dcm2niix",
    "ConversionSoftwareVersion": "v1.0.20180328 GCC6.3.0",
    "DerivedVendorReportedEchoSpacing": 0.000509996,
    "DeviceSerialNumber": "66018",
    "DwellTime": 2.1e-06,
    "EchoTime": 0.031,
    "EchoTrainLength": 96,
    "EffectiveEchoSpacing": 0.000509996,
    "FlipAngle": 67,
    "ImageOrientationPatientDICOM": [
      1,
      0,
      0,
      0,
      1,
      0
    ],
    "ImageType": [
      "ORIGINAL",
      "PRIMARY",
      "M",
      "ND",
      "NORM",
      "MOSAIC"
    ],
    "InPlanePhaseEncodingDirectionDICOM": "COL",
    "InstitutionAddress": "Washington Rd, Princeton, NJ 08540, USA",
    "InstitutionName": "Princeton University",
    "InstitutionalDepartmentName": "Princeton Neuroscience Institute",
    "MRAcquisitionType": "2D",
    "MagneticFieldStrength": 3,
    "Manufacturer": "Siemens",
    "ManufacturersModelName": "Prisma",
    "Modality": "MR",
    "MultibandAccelerationFactor": 3,
    "NumberOfVolumesDiscardedByScanner": 3,
    "PartialFourier": 1,
    "PatientPosition": "HFS",
    "PercentPhaseFOV": 100,
    "PhaseEncodingDirection": "j-",
    "PhaseEncodingSteps": 96,
    "PhaseResolution": 1,
    "PixelBandwidth": 2480,
    "ProcedureStepDescription": "Hasson_Nastase_042518_Storyteller",
    "ProtocolName": "func_task-pieman",
    "PulseSequenceDetails": "%SiemensSeq%_ep2d_bold",
    "ReceiveCoilActiveElements": "HC1-7;NC1",
    "ReceiveCoilName": "HeadNeck_64",
    "ReconMatrixPE": 96,
    "RepetitionTime": 1.5,
    "SAR": 0.0357028,
    "ScanOptions": "FS",
    "ScanningSequence": "EP",
    "SequenceName": "_epfid2d1_96",
    "SequenceVariant": "SK",
    "SeriesDescription": "func_task-pieman",
    "SeriesNumber": 10,
    "ShimSetting": [
      775,
      544,
      2136,
      621,
      -68,
      157,
      219,
      10
    ],
    "SliceThickness": 2.5,
    "SliceTiming": [
      1.11,
      0,
      0.74,
      0.0925,
      0.8325,
      0.185,
      0.925,
      0.2775,
      1.0175,
      0.4625,
      1.2025,
      0.555,
      1.295,
      0.6475,
      1.3875,
      0.37,
      1.11,
      0,
      0.74,
      0.0925,
      0.8325,
      0.185,
      0.925,
      0.2775,
      1.0175,
      0.4625,
      1.2025,
      0.555,
      1.295,
      0.6475,
      1.3875,
      0.37,
      1.11,
      0,
      0.74,
      0.0925,
      0.8325,
      0.185,
      0.925,
      0.2775,
      1.0175,
      0.4625,
      1.2025,
      0.555,
      1.295,
      0.6475,
      1.3875,
      0.37
    ],
    "SoftwareVersions": "syngo_MR_E11",
    "SpacingBetweenSlices": 2.5,
    "StationName": "AWP66018",
    "TaskDescription": "Passively listened to audio story 'piemanpni'",
    "TaskName": "piemanpni",
    "TotalReadoutTime": 0.0484496,
    "TxRefAmp": 222.756,
    "dataset": "ds002345",
    "modality": "bold",
    "subject_id": "283",
    "task_id": "piemanpni"
  },
  "dummy_trs": 0,
  "dvars_nstd": 30.078699124982947,
  "dvars_std": 1.3394698208191123,
  "dvars_vstd": 1.0124058760068257,
  "efc": 0.4672490293540377,
  "fber": 3789.49072265625,
  "fd_mean": 0.11273936885174353,
  "fd_num": 3,
  "fd_perc": 1.0204081632653061,
  "fwhm_avg": 1.9098680000000001,
  "fwhm_x": 1.8247879999999999,
  "fwhm_y": 2.049776,
  "fwhm_z": 1.85504,
  "gcor": 0.0154045,
  "gsr_x": -0.018167907372117043,
  "gsr_y": 0.02812005952000618,
  "provenance": {
    "md5sum": "5b0b69bc9488555f6632b9dbaee75b2c",
    "settings": {
      "fd_thres": 0.2,
      "testing": false
    },
    "software": "mriqc",
    "version": "22.0.0rc1",
    "webapi_port": null,
    "webapi_url": "https://mriqc.nimh.nih.gov/api/v1"
  },
  "size_t": 294,
  "size_x": 96,
  "size_y": 96,
  "size_z": 48,
  "snr": 5.799331066080626,
  "spacing_tr": 1.5,
  "spacing_x": 2.5,
  "spacing_y": 2.5,
  "spacing_z": 2.5,
  "summary_bg_k": 41.17955008153989,
  "summary_bg_mad": 6.656581042942786,
  "summary_bg_mean": 26.435958862304688,
  "summary_bg_median": 11.047618865966797,
  "summary_bg_n": 306889.0,
  "summary_bg_p05": 4.7959184646606445,
  "summary_bg_p95": 102.53401184082031,
  "summary_bg_stdv": 52.723602294921875,
  "summary_fg_k": 3.0231822365638994,
  "summary_fg_mad": 107.65000604158263,
  "summary_fg_mean": 691.1620483398438,
  "summary_fg_median": 686.5543823242188,
  "summary_fg_n": 73405.0,
  "summary_fg_p05": 532.1306030273438,
  "summary_fg_p95": 878.6931640625,
  "summary_fg_stdv": 118.38429260253906,
  "tsnr": 68.96264272462577
}