{
  "aor": 0.0006009230769230769,
  "aqi": 0.007036452948717949,
  "bids_meta": {
    "AcquisitionMatrixPE": 96,
    "BandwidthPerPixelPhaseEncode": 20.425,
    "BaseResolution": 96,
    "BodyPartExamined": "BRAIN",
    "ConsistencyInfo": "N4_VE11C_LATEST_20160120",
    "ConversionSoftware": "dcm2niix",
    "ConversionSoftwareVersion": "v1.0.20180328 GCC6.3.0",
    "DerivedVendorReportedEchoSpacing": 0.000509996,
    "DeviceSerialNumber": "66018",
    "DwellTime": 2.1e-06,
    "EchoTime": 0.031,
    "EchoTrainLength": 96,
    "EffectiveEchoSpacing": 0.000509996,
    "FlipAngle": 67,
    "ImageOrientationPatientDICOM": [
      1,
      0,
      0,
      0,
      1,
      0
    ],
    "ImageType": [
      "ORIGINAL",
      "PRIMARY",
      "M",
      "ND",
      "NORM",
      "MOSAIC"
    ],
    "InPlanePhaseEncodingDirectionDICOM": "COL",
    "InstitutionAddress": "Washington Rd, Princeton, NJ 08540, USA",
    "InstitutionName": "Princeton University",
    "InstitutionalDepartmentName": "Princeton Neuroscience Institute",
    "MRAcquisitionType": "2D",
    "MagneticFieldStrength": 3,
    "Manufacturer": "Siemens",
    "ManufacturersModelName": "Prisma",
    "Modality": "MR",
    "MultibandAccelerationFactor": 3,
    "NumberOfVolumesDiscardedByScanner": 3,
    "PartialFourier": 1,
    "PatientPosition": "HFS",
    "PercentPhaseFOV": 100,
    "PhaseEncodingDirection": "j-",
    "PhaseEncodingSteps": 96,
    "PhaseResolution": 1,
    "PixelBandwidth": 2480,
    "ProcedureStepDescription": "Hasson_Nastase_042518_Storyteller",
    "ProtocolName": "func_task-bronx",
    "PulseSequenceDetails": "%SiemensSeq%_ep2d_bold",
    "ReceiveCoilActiveElements": "HC1-7;NC1",
    "ReceiveCoilName": "HeadNeck_64",
    "ReconMatrixPE": 96,
    "RepetitionTime": 1.5,
    "SAR": 0.0357242,
    "ScanOptions": "FS",
    "ScanningSequence": "EP",
    "SequenceName": "_epfid2d1_96",
    "SequenceVariant": "SK",
    "SeriesDescription": "func_task-bronx",
    "SeriesNumber": 9,
    "ShimSetting": [
      775,
      544,
      2136,
      621,
      -68,
      157,
      219,
      10
    ],
    "SliceThickness": 2.5,
    "SliceTiming": [
      1.11,
      0,
      0.74,
      0.0925,
      0.8325,
      0.185,
      0.925,
      0.2775,
      1.0175,
      0.4625,
      1.2025,
      0.555,
      1.295,
      0.6475,
      1.3875,
      0.37,
      1.11,
      0,
      0.74,
      0.0925,
      0.8325,
      0.185,
      0.925,
      0.2775,
      1.0175,
      0.4625,
      1.2025,
      0.555,
      1.295,
      0.6475,
      1.3875,
      0.37,
      1.11,
      0,
      0.74,
      0.0925,
      0.8325,
      0.185,
      0.925,
      0.2775,
      1.0175,
      0.4625,
      1.2025,
      0.555,
      1.295,
      0.6475,
      1.3875,
      0.37
    ],
    "SoftwareVersions": "syngo_MR_E11",
    "SpacingBetweenSlices": 2.5,
    "StationName": "AWP66018",
    "TaskDescription": "Passively listened to audio story 'bronx'",
    "TaskName": "bronx",
    "TotalReadoutTime": 0.0484496,
    "TxRefAmp": 222.756,
    "dataset": "ds002345",
    "modality": "bold",
    "subject_id": "283",
    "task_id": "bronx"
  },
  "dummy_trs": 0,
  "dvars_nstd": 29.984012549871483,
  "dvars_std": 1.3370976111053985,
  "dvars_vstd": 1.0061236256298203,
  "efc": 0.4692931985910923,
  "fber": 3708.781982421875,
  "fd_mean": 0.1073250001010166,
  "fd_num": 17,
  "fd_perc": 4.358974358974359,
  "fwhm_avg": 1.9309640000000001,
  "fwhm_x": 1.84402,
  "fwhm_y": 2.0662279999999997,
  "fwhm_z": 1.8826440000000002,
  "gcor": 0.0273333,
  "gsr_x": -0.01889035850763321,
  "gsr_y": 0.028983179479837418,
  "provenance": {
    "md5sum": "21ee078183e8e13f58f67819ca380a2c",
    "settings": {
      "fd_thres": 0.2,
      "testing": false
    },
    "software": "mriqc",
    "version": "22.0.0rc1",
    "webapi_port": null,
    "webapi_url": "https://mriqc.nimh.nih.gov/api/v1"
  },
  "size_t": 390,
  "size_x": 96,
  "size_y": 96,
  "size_z": 48,
  "snr": 5.756651779456071,
  "spacing_tr": 1.5,
  "spacing_x": 2.5,
  "spacing_y": 2.5,
  "spacing_z": 2.5,
  "summary_bg_k": 42.21895984114937,
  "summary_bg_mad": 6.800963448741412,
  "summary_bg_mean": 26.38008689880371,
  "summary_bg_median": 11.117949485778809,
  "summary_bg_n": 306124.0,
  "summary_bg_p05": 4.8128204345703125,
  "summary_bg_p95": 102.03076934814453,
  "summary_bg_stdv": 51.72119903564453,
  "summary_fg_k": 3.0256795184544973,
  "summary_fg_mad": 108.79643472238386,
  "summary_fg_mean": 689.1424560546875,
  "summary_fg_median": 684.88720703125,
  "summary_fg_n": 73885.0,
  "summary_fg_p05": 529.5538330078125,
  "summary_fg_p95": 876.5190185546876,
  "summary_fg_stdv": 118.97238159179688,
  "tsnr": 65.23191984370351
}