{
  "aor": 0.0034447491638795982,
  "aqi": 0.00736523973244147,
  "bids_meta": {
    "CogAtlasID": "https://www.cognitiveatlas.org/task/id/trm_4c8991fadfe01",
    "DeviceSerialNumber": "45031",
    "DwellTime": 5.4e-06,
    "EchoTime": 0.028,
    "EffectiveEchoSpacing": 0.000390001,
    "FlipAngle": 64,
    "InstitutionAddress": "Washington Rd, Princeton, NJ 08540, USA",
    "InstitutionName": "Princeton University",
    "InstitutionalDepartmentName": "Princeton Neuroscience Institute",
    "MagneticFieldStrength": 3,
    "Manufacturer": "Siemens",
    "ManufacturersModelName": "Skyra",
    "NumberOfVolumesDiscardedByScanner": 3,
    "ParallelReductionFactorInPlane": 2,
    "ParallelReductionType": "GRAPPA",
    "PartialFourier": 1,
    "PhaseEncodingDirection": "j-",
    "PixelBandwidth": 1445,
    "PulseSequenceDetails": "%SiemensSeq%_ep2d_bold",
    "PulseSequenceType": "Gradient Echo EPI",
    "ReceiveCoilActiveElements": "HE1-4",
    "ReceiveCoilName": "HeadNeck_20",
    "RepetitionTime": 1.5,
    "ScanOptions": "FS",
    "ScanningSequence": "EP",
    "SequenceName": "_epfid2d1_64",
    "SequenceVariant": "SK",
    "SliceTiming": [
      0,
      0.7775,
      0.055,
      0.8325,
      0.11,
      0.89,
      0.1675,
      0.945,
      0.2225,
      1,
      0.2775,
      1.055,
      0.3325,
      1.11,
      0.39,
      1.1675,
      0.445,
      1.2225,
      0.5,
      1.2775,
      0.555,
      1.3325,
      0.61,
      1.3875,
      0.6675,
      1.445,
      0.7225
    ],
    "SoftwareVersions": "syngo_MR_D11",
    "StationName": "AWP45031",
    "TaskDescription": "Passively listened to audio story 'pieman'",
    "TaskName": "pieman",
    "TotalReadoutTime": 0.0245701,
    "dataset": "ds002345",
    "modality": "bold",
    "subject_id": "039",
    "task_id": "pieman"
  },
  "dummy_trs": 1,
  "dvars_nstd": 23.941742474563767,
  "dvars_std": 1.397795626107383,
  "dvars_vstd": 1.018736997214765,
  "efc": 0.5745818845552616,
  "fber": 2124.600341796875,
  "fd_mean": 0.09614680348189436,
  "fd_num": 3,
  "fd_perc": 1.0033444816053512,
  "fwhm_avg": 1.8466105555555556,
  "fwhm_x": 1.7969833333333334,
  "fwhm_y": 2.0706633333333335,
  "fwhm_z": 1.672185,
  "gcor": 0.0371015,
  "gsr_x": -0.003551321104168892,
  "gsr_y": 0.024380430579185486,
  "provenance": {
    "md5sum": "56f6f185ab5348cd781c21d43c32ea17",
    "settings": {
      "fd_thres": 0.2,
      "testing": false
    },
    "software": "mriqc",
    "version": "21.0.0rc2",
    "webapi_port": null,
    "webapi_url": "https://mriqc.nimh.nih.gov/api/v1"
  },
  "size_t": 299,
  "size_x": 64,
  "size_y": 64,
  "size_z": 27,
  "snr": 6.825896214559525,
  "spacing_tr": 1.5,
  "spacing_x": 3.0,
  "spacing_y": 3.0,
  "spacing_z": 4.0,
  "summary_bg_k": 17.459705270720026,
  "summary_bg_mad": 10.685644080611976,
  "summary_bg_mean": 40.61684799194336,
  "summary_bg_median": 15.735785484313965,
  "summary_bg_n": 56381.0,
  "summary_bg_p05": 6.8729095458984375,
  "summary_bg_p95": 170.11370849609375,
  "summary_bg_stdv": 73.20897674560547,
  "summary_fg_k": 2.284063897731161,
  "summary_fg_mad": 102.09124312162531,
  "summary_fg_mean": 779.1464233398438,
  "summary_fg_median": 769.1939697265625,
  "summary_fg_n": 25717.0,
  "summary_fg_p05": 624.4514770507812,
  "summary_fg_p95": 970.8782470703123,
  "summary_fg_stdv": 112.6854248046875,
  "tsnr": 74.32049196586013
}