{
  "bids_meta": {
    "AcquisitionMatrixPE": 256,
    "BaseResolution": 256,
    "BodyPartExamined": "BRAIN",
    "ConsistencyInfo": "N4_VE11C_LATEST_20160120",
    "ConversionSoftware": "dcm2niix",
    "ConversionSoftwareVersion": "v1.0.20180328 GCC6.3.0",
    "DeviceSerialNumber": "66018",
    "DwellTime": 9.8e-06,
    "EchoTime": 0.0033,
    "FlipAngle": 7,
    "ImageOrientationPatientDICOM": [
      0,
      1,
      0,
      0,
      0,
      -1
    ],
    "ImageType": [
      "ORIGINAL",
      "PRIMARY",
      "M",
      "ND",
      "NORM"
    ],
    "InPlanePhaseEncodingDirectionDICOM": "ROW",
    "InstitutionAddress": "Washington Rd, Princeton, NJ 08540, USA",
    "InstitutionName": "Princeton University",
    "InstitutionalDepartmentName": "Princeton Neuroscience Institute",
    "InversionTime": 1.1,
    "MRAcquisitionType": "3D",
    "MagneticFieldStrength": 3,
    "Manufacturer": "Siemens",
    "ManufacturersModelName": "Prisma",
    "Modality": "MR",
    "ParallelReductionFactorInPlane": 2,
    "ParallelReductionType": "GRAPPA",
    "PartialFourier": 1,
    "PatientPosition": "HFS",
    "PercentPhaseFOV": 100,
    "PhaseEncodingSteps": 255,
    "PhaseResolution": 1,
    "PixelBandwidth": 200,
    "ProcedureStepDescription": "Hasson_Nastase_042518_Storyteller",
    "ProtocolName": "anat-T1w",
    "PulseSequenceDetails": "%SiemensSeq%_tfl",
    "ReceiveCoilActiveElements": "HC1-7;NC1",
    "ReceiveCoilName": "HeadNeck_64",
    "ReconMatrixPE": 256,
    "RepetitionTime": 2.53,
    "SAR": 0.041948,
    "ScanOptions": "IR",
    "ScanningSequence": "GR_IR",
    "SequenceName": "_tfl3d1_16ns",
    "SequenceVariant": "SK_SP_MP",
    "SeriesDescription": "anat-T1w",
    "SeriesNumber": 3,
    "ShimSetting": [
      754,
      491,
      2057,
      415,
      -113,
      -229,
      165,
      27
    ],
    "SliceThickness": 1,
    "SoftwareVersions": "syngo_MR_E11",
    "StationName": "AWP66018",
    "TxRefAmp": 248.28,
    "dataset": "ds002345",
    "modality": "T1w",
    "subject_id": "277"
  },
  "cjv": 0.41167356561823126,
  "cnr": 3.084897190128554,
  "efc": 0.5659166370665243,
  "fber": 6370.247425305568,
  "fwhm_avg": 3.3756533333333336,
  "fwhm_x": 3.44819,
  "fwhm_y": 3.52748,
  "fwhm_z": 3.15129,
  "icvs_csf": 0.17836305151661794,
  "icvs_gm": 0.42926366820208595,
  "icvs_wm": 0.3923732802812961,
  "inu_med": 1.2356348037719727,
  "inu_range": 0.5804051905870438,
  "provenance": {
    "md5sum": "8f9eea68ce95be57d37336d9c7f1228f",
    "settings": {
      "testing": false
    },
    "software": "mriqc",
    "version": "22.0.0rc1",
    "warnings": {
      "large_rot_frame": true,
      "small_air_mask": false
    },
    "webapi_port": null,
    "webapi_url": "https://mriqc.nimh.nih.gov/api/v1"
  },
  "qi_1": 0.0,
  "qi_2": 0.0012067719195078931,
  "rpve_csf": 24.584652786435605,
  "rpve_gm": 11.224217140472113,
  "rpve_wm": 14.856770657541501,
  "size_x": 176,
  "size_y": 256,
  "size_z": 256,
  "snr_csf": 2.1969669939997454,
  "snr_gm": 8.809162120411852,
  "snr_total": 9.696770719393223,
  "snr_wm": 18.084183043768075,
  "snrd_csf": 45.23193450028253,
  "snrd_gm": 87.29219726460464,
  "snrd_total": 85.71362920536859,
  "snrd_wm": 124.61675585121863,
  "spacing_x": 1.0,
  "spacing_y": 1.0,
  "spacing_z": 1.0,
  "summary_bg_k": 8.93212481654498,
  "summary_bg_mad": 5.257209558540279,
  "summary_bg_mean": 8.616477178185706,
  "summary_bg_median": 7.2318390011787415,
  "summary_bg_n": 3730303.0,
  "summary_bg_p05": 1.4463678002357483,
  "summary_bg_p95": 21.36891782283783,
  "summary_bg_stdv": 6.795250134336178,
  "summary_csf_k": 4.973836595288082,
  "summary_csf_mad": 198.8055298847995,
  "summary_csf_mean": 358.1862408079599,
  "summary_csf_median": 362.96833232045174,
  "summary_csf_n": 8094.0,
  "summary_csf_p05": 134.41889137029648,
  "summary_csf_p95": 598.2223878800869,
  "summary_csf_stdv": 165.20316898595715,
  "summary_gm_k": 0.48921831597714505,
  "summary_gm_mad": 73.35882548463114,
  "summary_gm_mean": 701.525018428261,
  "summary_gm_median": 700.4852570593357,
  "summary_gm_n": 15978.0,
  "summary_gm_p05": 572.4747081845999,
  "summary_gm_p95": 838.3544354885817,
  "summary_gm_stdv": 79.5153190322825,
  "summary_wm_k": 0.8154744045031252,
  "summary_wm_mad": 49.94349080613266,
  "summary_wm_mean": 999.5708182991958,
  "summary_wm_median": 1000.0000342726707,
  "summary_wm_n": 246437.0,
  "summary_wm_p05": 906.9659247994423,
  "summary_wm_p95": 1089.3015816807747,
  "summary_wm_stdv": 55.29683054712479,
  "tpm_overlap_csf": 0.16916196048259735,
  "tpm_overlap_gm": 0.43160906434059143,
  "tpm_overlap_wm": 0.5053720474243164,
  "wm2max": 0.5429948052196267
}