{
  "aor": 0.0008364181523500811,
  "aqi": 0.013604250615883304,
  "bids_meta": {
    "CogAtlasID": "https://www.cognitiveatlas.org/task/id/trm_4c8991fadfe01",
    "DeviceSerialNumber": "45031",
    "DwellTime": 4.9e-06,
    "EchoTime": 0.028,
    "EffectiveEchoSpacing": 0.000355001,
    "FlipAngle": 64,
    "InstitutionAddress": "Washington Rd, Princeton, NJ 08540, USA",
    "InstitutionName": "Princeton University",
    "InstitutionalDepartmentName": "Princeton Neuroscience Institute",
    "MagneticFieldStrength": 3,
    "Manufacturer": "Siemens",
    "ManufacturersModelName": "Skyra",
    "NumberOfVolumesDiscardedByScanner": 3,
    "ParallelReductionFactorInPlane": 2,
    "ParallelReductionType": "GRAPPA",
    "PartialFourier": 1,
    "PhaseEncodingDirection": "j-",
    "PixelBandwidth": 1595,
    "PulseSequenceDetails": "%SiemensSeq%_ep2d_bold",
    "PulseSequenceType": "Gradient Echo EPI",
    "ReceiveCoilActiveElements": "HE1-4",
    "ReceiveCoilName": "HeadNeck_20",
    "RepetitionTime": 1.5,
    "ScanOptions": "FS",
    "ScanningSequence": "EP",
    "SequenceName": "_epfid2d1_64",
    "SequenceVariant": "SK",
    "SliceTiming": [
      0,
      0.7675,
      0.055,
      0.8225,
      0.1075,
      0.875,
      0.1625,
      0.93,
      0.2175,
      0.985,
      0.2725,
      1.04,
      0.3275,
      1.095,
      0.3825,
      1.15,
      0.4375,
      1.205,
      0.4925,
      1.26,
      0.5475,
      1.315,
      0.6025,
      1.37,
      0.6575,
      1.425,
      0.7125
    ],
    "SoftwareVersions": "syngo_MR_D13",
    "StationName": "AWP45031",
    "TaskDescription": "Passively listened to audio story 'merlin'",
    "TaskName": "merlin",
    "TotalReadoutTime": 0.022365,
    "dataset": "ds002345",
    "modality": "bold",
    "subject_id": "176",
    "task_id": "merlin"
  },
  "dummy_trs": 0,
  "dvars_nstd": 21.561246329951302,
  "dvars_std": 1.09940516711039,
  "dvars_vstd": 0.9881327895129866,
  "efc": 0.63250156463583,
  "fber": 1192.5499267578125,
  "fd_mean": 0.15533744806830707,
  "fd_num": 142,
  "fd_perc": 23.014586709886547,
  "fwhm_avg": 1.6976825,
  "fwhm_x": 1.6151366666666667,
  "fwhm_y": 1.9304933333333334,
  "fwhm_z": 1.5474175,
  "gcor": 0.0565402,
  "gsr_x": -0.0008195675327442586,
  "gsr_y": 0.04306452348828316,
  "provenance": {
    "md5sum": "78820e14884319119e4f433b4fc3606a",
    "settings": {
      "fd_thres": 0.2,
      "testing": false
    },
    "software": "mriqc",
    "version": "22.0.0rc1",
    "webapi_port": null,
    "webapi_url": "https://mriqc.nimh.nih.gov/api/v1"
  },
  "size_t": 617,
  "size_x": 64,
  "size_y": 64,
  "size_z": 27,
  "snr": 7.713945849239028,
  "spacing_tr": 1.5,
  "spacing_x": 3.0,
  "spacing_y": 3.0,
  "spacing_z": 4.0,
  "summary_bg_k": 10.031148879830198,
  "summary_bg_mad": 13.725483680650024,
  "summary_bg_mean": 51.3782844543457,
  "summary_bg_median": 18.12155532836914,
  "summary_bg_n": 51103.0,
  "summary_bg_p05": 7.700161933898926,
  "summary_bg_p95": 224.81183013916007,
  "summary_bg_stdv": 76.82190704345703,
  "summary_fg_k": 3.401790966891257,
  "summary_fg_mad": 78.85061178157001,
  "summary_fg_mean": 678.0458374023438,
  "summary_fg_median": 672.736572265625,
  "summary_fg_n": 30544.0,
  "summary_fg_p05": 558.7467620849609,
  "summary_fg_p95": 818.5284942626952,
  "summary_fg_stdv": 87.2090072631836,
  "tsnr": 57.097243995405734
}