{
  "aor": 0.0008232599724896836,
  "aqi": 0.028870422558459424,
  "bids_meta": {
    "CogAtlasID": "https://www.cognitiveatlas.org/task/id/trm_4c8991fadfe01",
    "DeviceSerialNumber": "45031",
    "DwellTime": 4.9e-06,
    "EchoTime": 0.028,
    "EffectiveEchoSpacing": 0.000355001,
    "FlipAngle": 64,
    "InstitutionAddress": "Washington Rd, Princeton, NJ 08540, USA",
    "InstitutionName": "Princeton University",
    "InstitutionalDepartmentName": "Princeton Neuroscience Institute",
    "MagneticFieldStrength": 3,
    "Manufacturer": "Siemens",
    "ManufacturersModelName": "Skyra",
    "NumberOfVolumesDiscardedByScanner": 3,
    "ParallelReductionFactorInPlane": 2,
    "ParallelReductionType": "GRAPPA",
    "PartialFourier": 1,
    "PhaseEncodingDirection": "j-",
    "PixelBandwidth": 1595,
    "PulseSequenceDetails": "%SiemensSeq%_ep2d_bold",
    "PulseSequenceType": "Gradient Echo EPI",
    "ReceiveCoilActiveElements": "HE1-4",
    "ReceiveCoilName": "HeadNeck_20",
    "RepetitionTime": 1.5,
    "ScanOptions": "FS",
    "ScanningSequence": "EP",
    "SequenceName": "_epfid2d1_64",
    "SequenceVariant": "SK",
    "SliceTiming": [
      0,
      0.7675,
      0.055,
      0.8225,
      0.1075,
      0.875,
      0.1625,
      0.93,
      0.2175,
      0.985,
      0.2725,
      1.04,
      0.3275,
      1.095,
      0.3825,
      1.15,
      0.4375,
      1.205,
      0.4925,
      1.26,
      0.5475,
      1.315,
      0.6025,
      1.37,
      0.6575,
      1.425,
      0.7125
    ],
    "SoftwareVersions": "syngo_MR_D13",
    "StationName": "AWP45031",
    "TaskDescription": "Passively listened to audio story 'sherlock'",
    "TaskName": "sherlock",
    "TotalReadoutTime": 0.022365,
    "dataset": "ds002345",
    "modality": "bold",
    "subject_id": "176",
    "task_id": "sherlock"
  },
  "dummy_trs": 0,
  "dvars_nstd": 23.269517017121228,
  "dvars_std": 1.038182582520662,
  "dvars_vstd": 0.9418013639669433,
  "efc": 0.6325593419586556,
  "fber": 1160.694580078125,
  "fd_mean": 0.1986461449196742,
  "fd_num": 249,
  "fd_perc": 34.25034387895461,
  "fwhm_avg": 1.7048241666666666,
  "fwhm_x": 1.6149699999999998,
  "fwhm_y": 1.9496399999999998,
  "fwhm_z": 1.5498625,
  "gcor": 0.0471768,
  "gsr_x": -0.0011519284453243017,
  "gsr_y": 0.0422159768640995,
  "provenance": {
    "md5sum": "fec48b29a753569510c9a84aa37a3aa8",
    "settings": {
      "fd_thres": 0.2,
      "testing": false
    },
    "software": "mriqc",
    "version": "22.0.0rc1",
    "webapi_port": null,
    "webapi_url": "https://mriqc.nimh.nih.gov/api/v1"
  },
  "size_t": 727,
  "size_x": 64,
  "size_y": 64,
  "size_z": 27,
  "snr": 7.743159537821545,
  "spacing_tr": 1.5,
  "spacing_x": 3.0,
  "spacing_y": 3.0,
  "spacing_z": 4.0,
  "summary_bg_k": 10.32957650348116,
  "summary_bg_mad": 14.167313778660986,
  "summary_bg_mean": 51.47654724121094,
  "summary_bg_median": 18.557083129882812,
  "summary_bg_n": 51264.0,
  "summary_bg_p05": 7.814305305480957,
  "summary_bg_p95": 224.75543594360346,
  "summary_bg_stdv": 76.79705047607422,
  "summary_fg_k": 3.370511562741455,
  "summary_fg_mad": 77.98239724388374,
  "summary_fg_mean": 676.1394653320312,
  "summary_fg_median": 670.5502319335938,
  "summary_fg_n": 30479.0,
  "summary_fg_p05": 557.8480346679687,
  "summary_fg_p95": 815.7964233398437,
  "summary_fg_stdv": 86.59762573242188,
  "tsnr": 44.51869755546795
}