{
  "aor": 0.00045356902356902354,
  "aqi": 0.004448441952861953,
  "bids_meta": {
    "CogAtlasID": "https://www.cognitiveatlas.org/task/id/trm_4c8991fadfe01",
    "DeviceSerialNumber": "45031",
    "DwellTime": 5.4e-06,
    "EchoTime": 0.028,
    "EffectiveEchoSpacing": 0.000390001,
    "FlipAngle": 64,
    "InstitutionAddress": "Washington Rd, Princeton, NJ 08540, USA",
    "InstitutionName": "Princeton University",
    "InstitutionalDepartmentName": "Princeton Neuroscience Institute",
    "MagneticFieldStrength": 3,
    "Manufacturer": "Siemens",
    "ManufacturersModelName": "Skyra",
    "NumberOfVolumesDiscardedByScanner": 3,
    "ParallelReductionFactorInPlane": 2,
    "ParallelReductionType": "GRAPPA",
    "PartialFourier": 1,
    "PhaseEncodingDirection": "j-",
    "PixelBandwidth": 1445,
    "PulseSequenceDetails": "%SiemensSeq%_ep2d_bold",
    "PulseSequenceType": "Gradient Echo EPI",
    "ReceiveCoilActiveElements": "HE1-4",
    "ReceiveCoilName": "HeadNeck_20",
    "RepetitionTime": 1.5,
    "ScanOptions": "FS",
    "ScanningSequence": "EP",
    "SequenceName": "_epfid2d1_64",
    "SequenceVariant": "SK",
    "SliceTiming": [
      0,
      0.7775,
      0.055,
      0.8325,
      0.11,
      0.8875,
      0.165,
      0.9425,
      0.22,
      0.9975,
      0.2775,
      1.055,
      0.3325,
      1.11,
      0.3875,
      1.165,
      0.4425,
      1.22,
      0.5,
      1.2775,
      0.555,
      1.3325,
      0.61,
      1.3875,
      0.665,
      1.4425,
      0.72
    ],
    "SoftwareVersions": "syngo_MR_D11",
    "StationName": "AWP45031",
    "TaskDescription": "Passively listened to audio story 'milkyway'",
    "TaskName": "milkyway",
    "TotalReadoutTime": 0.0245701,
    "dataset": "ds002345",
    "modality": "bold",
    "subject_id": "030",
    "task_id": "milkyway"
  },
  "dummy_trs": 0,
  "dvars_nstd": 22.706528096790535,
  "dvars_std": 1.2861587722972978,
  "dvars_vstd": 1.0022564003040535,
  "efc": 0.5978211374987961,
  "fber": 1814.6673583984375,
  "fd_mean": 0.10253075294874137,
  "fd_num": 0,
  "fd_perc": 0.0,
  "fwhm_avg": 1.7600116666666665,
  "fwhm_x": 1.73475,
  "fwhm_y": 1.9366700000000001,
  "fwhm_z": 1.608615,
  "gcor": 0.0255251,
  "gsr_x": -0.001990800490602851,
  "gsr_y": 0.03955605626106262,
  "provenance": {
    "md5sum": "193ad0278b5d889c1b3ea2b156a6553d",
    "settings": {
      "fd_thres": 0.2,
      "testing": false
    },
    "software": "mriqc",
    "version": "21.0.0rc2",
    "webapi_port": null,
    "webapi_url": "https://mriqc.nimh.nih.gov/api/v1"
  },
  "size_t": 297,
  "size_x": 64,
  "size_y": 64,
  "size_z": 27,
  "snr": 6.5311889812741635,
  "spacing_tr": 1.5,
  "spacing_x": 3.0,
  "spacing_y": 3.0,
  "spacing_z": 4.0,
  "summary_bg_k": 21.234257148231247,
  "summary_bg_mad": 10.7775686532075,
  "summary_bg_mean": 39.88404846191406,
  "summary_bg_median": 16.31986427307129,
  "summary_bg_n": 53736.0,
  "summary_bg_p05": 6.9494948387146,
  "summary_bg_p95": 150.01598358154297,
  "summary_bg_stdv": 69.45320129394531,
  "summary_fg_k": 2.2669052314495985,
  "summary_fg_mad": 102.73390919558935,
  "summary_fg_mean": 731.7297973632812,
  "summary_fg_median": 722.2861938476562,
  "summary_fg_n": 29025.0,
  "summary_fg_p05": 579.771728515625,
  "summary_fg_p95": 912.8343383789063,
  "summary_fg_stdv": 110.5884017944336,
  "tsnr": 83.74368283082731
}