{
  "bids_meta": {
    "AcquisitionMatrixPE": 256,
    "BaseResolution": 256,
    "BodyPartExamined": "BRAIN",
    "ConsistencyInfo": "N4_VE11C_LATEST_20160120",
    "ConversionSoftware": "dcm2niix",
    "ConversionSoftwareVersion": "v1.0.20180328 GCC6.3.0",
    "DeviceSerialNumber": "66018",
    "DwellTime": 9.8e-06,
    "EchoTime": 0.428,
    "EchoTrainLength": 175,
    "FlipAngle": 120,
    "ImageOrientationPatientDICOM": [
      0,
      1,
      0,
      0,
      0,
      -1
    ],
    "ImageType": [
      "ORIGINAL",
      "PRIMARY",
      "M",
      "ND"
    ],
    "InPlanePhaseEncodingDirectionDICOM": "ROW",
    "InstitutionAddress": "Washington Rd, Princeton, NJ 08540, USA",
    "InstitutionName": "Princeton University",
    "InstitutionalDepartmentName": "Princeton Neuroscience Institute",
    "MRAcquisitionType": "3D",
    "MagneticFieldStrength": 3,
    "Manufacturer": "Siemens",
    "ManufacturersModelName": "Prisma",
    "Modality": "MR",
    "ParallelReductionFactorInPlane": 2,
    "ParallelReductionType": "GRAPPA",
    "PartialFourier": 1,
    "PatientPosition": "HFS",
    "PercentPhaseFOV": 100,
    "PhaseEncodingSteps": 175,
    "PhaseResolution": 1,
    "PixelBandwidth": 200,
    "ProcedureStepDescription": "Hasson_Nastase_042518_Storyteller",
    "ProtocolName": "anat-T2w",
    "PulseSequenceDetails": "%SiemensSeq%_tse_vfl",
    "ReceiveCoilActiveElements": "HC1-7;NC1,2",
    "ReceiveCoilName": "HeadNeck_64",
    "ReconMatrixPE": 256,
    "RepetitionTime": 3.2,
    "SAR": 0.0487526,
    "ScanOptions": "PFP",
    "ScanningSequence": "SE",
    "SequenceName": "_spc_230ns",
    "SequenceVariant": "SK_SP",
    "SeriesDescription": "anat-T2w",
    "SeriesNumber": 13,
    "ShimSetting": [
      758,
      472,
      2037,
      240,
      -94,
      -172,
      312,
      68
    ],
    "SliceThickness": 1,
    "SoftwareVersions": "syngo_MR_E11",
    "StationName": "AWP66018",
    "TxRefAmp": 217.565,
    "dataset": "ds002345",
    "modality": "T2w",
    "subject_id": "295"
  },
  "cjv": 0.7278373070548335,
  "cnr": 1.3806033732876857,
  "efc": 0.5019842663931666,
  "fber": 4444.133649567217,
  "fwhm_avg": 2.4559266666666666,
  "fwhm_x": 2.65439,
  "fwhm_y": 2.19784,
  "fwhm_z": 2.51555,
  "icvs_csf": 0.3357068884389014,
  "icvs_gm": 0.020456700396842924,
  "icvs_wm": 0.6438364111642557,
  "inu_med": 1.084777593612671,
  "inu_range": 0.4195612460374831,
  "provenance": {
    "md5sum": "36442fdc44cfcb198c54d084396f05f7",
    "settings": {
      "testing": false
    },
    "software": "mriqc",
    "version": "22.0.0rc1",
    "warnings": {
      "large_rot_frame": true,
      "small_air_mask": false
    },
    "webapi_port": null,
    "webapi_url": "https://mriqc.nimh.nih.gov/api/v1"
  },
  "qi_1": 0.0,
  "qi_2": 0.03818617607169054,
  "rpve_csf": 17.59650687030424,
  "rpve_gm": 341.65594902948584,
  "rpve_wm": 11.670916746513143,
  "size_x": 176,
  "size_y": 256,
  "size_z": 256,
  "snr_csf": 3.0917225805856474,
  "snr_gm": 9.474442486851288,
  "snr_total": 6.927126553062686,
  "snr_wm": 8.215214591751122,
  "snrd_csf": 58.7704086289422,
  "snrd_gm": 22.554561889828545,
  "snrd_total": 36.55472653368613,
  "snrd_wm": 28.339209082287653,
  "spacing_x": 1.0,
  "spacing_y": 1.0,
  "spacing_z": 1.0,
  "summary_bg_k": 2.6379057483706205,
  "summary_bg_mad": 23.12270902672218,
  "summary_bg_mean": 21.498606027566964,
  "summary_bg_median": 15.596030235290527,
  "summary_bg_n": 3128980.0,
  "summary_bg_p05": 0.0,
  "summary_bg_p95": 62.275057792663574,
  "summary_bg_stdv": 20.03269407125518,
  "summary_csf_k": 2.4471886029502192,
  "summary_csf_mad": 542.3326298994839,
  "summary_csf_mean": 2184.3222644722678,
  "summary_csf_median": 2074.27202129364,
  "summary_csf_n": 55436.0,
  "summary_csf_p05": 1334.2512929439545,
  "summary_csf_p95": 3486.9124522209167,
  "summary_csf_stdv": 670.9053799086399,
  "summary_gm_k": 3.2181925376018166,
  "summary_gm_mad": 55.300464945027876,
  "summary_gm_mean": 774.7589450163,
  "summary_gm_median": 796.0519208908081,
  "summary_gm_n": 17.0,
  "summary_gm_p05": 627.8329206466675,
  "summary_gm_p95": 852.8301959991455,
  "summary_gm_stdv": 81.51232136880715,
  "summary_wm_k": 2.745454638970836,
  "summary_wm_mad": 93.29932243649439,
  "summary_wm_mean": 1015.8034254426333,
  "summary_wm_median": 1000.2181348800659,
  "summary_wm_n": 306818.0,
  "summary_wm_p05": 850.038179397583,
  "summary_wm_p95": 1241.6839456558228,
  "summary_wm_stdv": 121.7517197782001,
  "tpm_overlap_csf": 0.13420812785625458,
  "tpm_overlap_gm": 0.015515781939029694,
  "tpm_overlap_wm": 0.4469762444496155,
  "wm2max": 0.24009215706152073
}