{
  "bids_meta": {
    "DeviceSerialNumber": "45031",
    "DwellTime": 8.2e-06,
    "EchoTime": 0.00308,
    "FlipAngle": 9,
    "InstitutionAddress": "Washington Rd, Princeton, NJ 08540, USA",
    "InstitutionName": "Princeton University",
    "InstitutionalDepartmentName": "Princeton Neuroscience Institute",
    "InversionTime": 0.9,
    "MagneticFieldStrength": 3,
    "Manufacturer": "Siemens",
    "ManufacturersModelName": "Skyra",
    "ParallelReductionFactorInPlane": 2,
    "ParallelReductionType": "GRAPPA",
    "PartialFourier": 1,
    "PixelBandwidth": 240,
    "PulseSequenceDetails": "%SiemensSeq%_tfl",
    "PulseSequenceType": "MPRAGE",
    "ReceiveCoilActiveElements": "HE1-4",
    "ReceiveCoilName": "HeadNeck_20",
    "RepetitionTime": 2.3,
    "ScanOptions": "IR",
    "ScanningSequence": "GR_IR",
    "SequenceName": "_tfl3d1_16ns",
    "SequenceVariant": "SK_SP_MP",
    "SoftwareVersions": "syngo_MR_D13",
    "StationName": "AWP45031",
    "dataset": "ds002345",
    "modality": "T1w",
    "subject_id": "168"
  },
  "cjv": 0.45021895390579014,
  "cnr": 2.9305768701535633,
  "efc": 0.5703388249920592,
  "fber": 967.1198571728629,
  "fwhm_avg": 3.1176476311848993,
  "fwhm_x": 3.2033223070812835,
  "fwhm_y": 3.212846768291596,
  "fwhm_z": 2.9367738181818184,
  "icvs_csf": 0.19342559316226426,
  "icvs_gm": 0.446607703430511,
  "icvs_wm": 0.35996670340722475,
  "inu_med": 1.5735960006713867,
  "inu_range": 0.5140680611133577,
  "provenance": {
    "md5sum": "f209b82827165453ed601de9656cb4f6",
    "settings": {
      "testing": false
    },
    "software": "mriqc",
    "version": "22.0.0rc1",
    "warnings": {
      "large_rot_frame": true,
      "small_air_mask": false
    },
    "webapi_port": null,
    "webapi_url": "https://mriqc.nimh.nih.gov/api/v1"
  },
  "qi_1": 0.0005347368586862511,
  "qi_2": 0.0037966100179998435,
  "rpve_csf": 22.55223319092905,
  "rpve_gm": 10.824114520886734,
  "rpve_wm": 15.776096383472428,
  "size_x": 192,
  "size_y": 256,
  "size_z": 256,
  "snr_csf": 2.533082386604987,
  "snr_gm": 8.680190748962348,
  "snr_total": 8.72671523993702,
  "snr_wm": 14.966872584243726,
  "snrd_csf": 17.315709713749,
  "snrd_gm": 34.20477399280514,
  "snrd_total": 33.64302417045953,
  "snrd_wm": 49.40858880482446,
  "spacing_x": 0.8999999761581421,
  "spacing_y": 0.8593749403953552,
  "spacing_z": 0.859375,
  "summary_bg_k": 3.2609208147182196,
  "summary_bg_mad": 13.259565009011148,
  "summary_bg_mean": 21.898903903272554,
  "summary_bg_median": 18.318633690476418,
  "summary_bg_n": 4546862.0,
  "summary_bg_p05": 3.022266164422035,
  "summary_bg_p95": 48.23290082812309,
  "summary_bg_stdv": 14.168400400809332,
  "summary_csf_k": 18.774165636436443,
  "summary_csf_mad": 149.69591668793964,
  "summary_csf_mean": 358.24134329446866,
  "summary_csf_median": 350.4595172703266,
  "summary_csf_n": 15503.0,
  "summary_csf_p05": 165.42898121625186,
  "summary_csf_p95": 564.8553782403469,
  "summary_csf_stdv": 138.34852588418815,
  "summary_gm_k": 0.12404144018704866,
  "summary_gm_mad": 75.89957901709829,
  "summary_gm_mean": 693.3371936324289,
  "summary_gm_median": 692.2839883565903,
  "summary_gm_n": 25378.0,
  "summary_gm_p05": 562.440649253875,
  "summary_gm_p95": 828.2242868542671,
  "summary_gm_stdv": 79.75289585124801,
  "summary_wm_k": 0.5655573529625095,
  "summary_wm_mad": 62.64001400808714,
  "summary_wm_mean": 998.9638912177509,
  "summary_wm_median": 1000.0000270158052,
  "summary_wm_n": 260179.0,
  "summary_wm_p05": 887.1276376098394,
  "summary_wm_p95": 1106.0877372771502,
  "summary_wm_stdv": 66.81409891287366,
  "tpm_overlap_csf": 0.17715884745121002,
  "tpm_overlap_gm": 0.44639265537261963,
  "tpm_overlap_wm": 0.5058527588844299,
  "wm2max": 0.5318607224300832
}