{
  "bids_meta": {
    "DeviceSerialNumber": "45031",
    "DwellTime": 8.2e-06,
    "EchoTime": 0.00308,
    "FlipAngle": 9,
    "InstitutionAddress": "Washington Rd, Princeton, NJ 08540, USA",
    "InstitutionName": "Princeton University",
    "InstitutionalDepartmentName": "Princeton Neuroscience Institute",
    "InversionTime": 0.9,
    "MagneticFieldStrength": 3,
    "Manufacturer": "Siemens",
    "ManufacturersModelName": "Skyra",
    "ParallelReductionFactorInPlane": 2,
    "ParallelReductionType": "GRAPPA",
    "PartialFourier": 1,
    "PixelBandwidth": 240,
    "PulseSequenceDetails": "%SiemensSeq%_tfl",
    "PulseSequenceType": "MPRAGE",
    "ReceiveCoilActiveElements": "HE1-4",
    "ReceiveCoilName": "HeadNeck_20",
    "RepetitionTime": 2.3,
    "ScanOptions": "IR",
    "ScanningSequence": "GR_IR",
    "SequenceName": "_tfl3d1_16ns",
    "SequenceVariant": "SK_SP_MP",
    "SoftwareVersions": "syngo_MR_D13",
    "StationName": "AWP45031",
    "dataset": "ds002345",
    "modality": "T1w",
    "subject_id": "170"
  },
  "cjv": 0.5343214142077307,
  "cnr": 2.50649141051007,
  "efc": 0.630726617149268,
  "fber": 1220.4622253947905,
  "fwhm_avg": 3.0826453243016254,
  "fwhm_x": 3.154833207971525,
  "fwhm_y": 3.1644278558424417,
  "fwhm_z": 2.928674909090909,
  "icvs_csf": 0.1724649465006414,
  "icvs_gm": 0.43421942732092,
  "icvs_wm": 0.3933156261784386,
  "inu_med": 1.5267789363861084,
  "inu_range": 0.5776541531085968,
  "provenance": {
    "md5sum": "fddd2f65aa494fda644442fa1dc4639d",
    "settings": {
      "testing": false
    },
    "software": "mriqc",
    "version": "22.0.0rc1",
    "warnings": {
      "large_rot_frame": true,
      "small_air_mask": false
    },
    "webapi_port": null,
    "webapi_url": "https://mriqc.nimh.nih.gov/api/v1"
  },
  "qi_1": 3.6991034384200374e-05,
  "qi_2": 0.0024967505499708955,
  "rpve_csf": 21.146786997973738,
  "rpve_gm": 9.402538904098114,
  "rpve_wm": 12.287331070426088,
  "size_x": 192,
  "size_y": 256,
  "size_z": 256,
  "snr_csf": 2.186219046135137,
  "snr_gm": 9.066067577605942,
  "snr_total": 8.332178264938198,
  "snr_wm": 13.744248171073519,
  "snrd_csf": 23.36346850478293,
  "snrd_gm": 39.245255179831,
  "snrd_total": 38.931893867911974,
  "snrd_wm": 54.18695791912199,
  "spacing_x": 0.9000000357627869,
  "spacing_y": 0.8593749403953552,
  "spacing_z": 0.859375,
  "summary_bg_k": 520.9489744426076,
  "summary_bg_mad": 12.090296665396732,
  "summary_bg_mean": 19.897398146824674,
  "summary_bg_median": 16.22961352020502,
  "summary_bg_n": 4079319.0,
  "summary_bg_p05": 2.638311557471752,
  "summary_bg_p95": 47.16981269419193,
  "summary_bg_stdv": 20.670847027035904,
  "summary_csf_k": 39.77773715126123,
  "summary_csf_mad": 149.94338511496926,
  "summary_csf_mean": 432.07337153146534,
  "summary_csf_median": 431.1640675589442,
  "summary_csf_n": 9816.0,
  "summary_csf_p05": 196.65414707548916,
  "summary_csf_p95": 644.2676874510944,
  "summary_csf_stdv": 197.20901501241244,
  "summary_gm_k": 0.22370391929812472,
  "summary_gm_mad": 76.80894352134395,
  "summary_gm_mean": 725.3408332380011,
  "summary_gm_median": 724.2564969435334,
  "summary_gm_n": 28937.0,
  "summary_gm_p05": 595.3789748027921,
  "summary_gm_p95": 859.0502328798175,
  "summary_gm_stdv": 79.88512949726963,
  "summary_wm_k": 0.2598861952790972,
  "summary_wm_mad": 70.5267305481476,
  "summary_wm_mean": 999.4478806783528,
  "summary_wm_median": 1000.000029116869,
  "summary_wm_n": 356064.0,
  "summary_wm_p05": 878.4777998030186,
  "summary_wm_p95": 1117.684714347124,
  "summary_wm_stdv": 72.75760830472558,
  "tpm_overlap_csf": 0.16806469857692719,
  "tpm_overlap_gm": 0.4468117654323578,
  "tpm_overlap_wm": 0.5090677738189697,
  "wm2max": 0.47947253421244296
}