{
  "bids_meta": {
    "DeviceSerialNumber": "45031",
    "DwellTime": 8.2e-06,
    "EchoTime": 0.00308,
    "FlipAngle": 9,
    "InstitutionAddress": "Washington Rd, Princeton, NJ 08540, USA",
    "InstitutionName": "Princeton University",
    "InstitutionalDepartmentName": "Princeton Neuroscience Institute",
    "InversionTime": 0.9,
    "MagneticFieldStrength": 3,
    "Manufacturer": "Siemens",
    "ManufacturersModelName": "Skyra",
    "ParallelReductionFactorInPlane": 2,
    "ParallelReductionType": "GRAPPA",
    "PartialFourier": 1,
    "PixelBandwidth": 240,
    "PulseSequenceDetails": "%SiemensSeq%_tfl",
    "PulseSequenceType": "MPRAGE",
    "ReceiveCoilActiveElements": "HE1-4",
    "ReceiveCoilName": "HeadNeck_20",
    "RepetitionTime": 2.3,
    "ScanOptions": "IR",
    "ScanningSequence": "GR_IR",
    "SequenceName": "_tfl3d1_16ns",
    "SequenceVariant": "SK_SP_MP",
    "SoftwareVersions": "syngo_MR_D11",
    "StationName": "AWP45031",
    "dataset": "ds002345",
    "modality": "T1w",
    "subject_id": "022"
  },
  "cjv": 0.42594281745827833,
  "cnr": 3.0608041974824225,
  "efc": 0.6943150853782362,
  "fber": 694.7700249199003,
  "fwhm_avg": 3.3007909134249567,
  "fwhm_x": 3.3089996493657803,
  "fwhm_y": 3.4075112727272727,
  "fwhm_z": 3.185861818181818,
  "icvs_csf": 0.16275851418408327,
  "icvs_gm": 0.4241597341427707,
  "icvs_wm": 0.41308175167314604,
  "inu_med": 1.2107117176055908,
  "inu_range": 0.4241536855697632,
  "provenance": {
    "md5sum": "2de1b8c8513ae00bfb2f6ece1312feaa",
    "settings": {
      "testing": false
    },
    "software": "mriqc",
    "version": "21.0.0rc2",
    "warnings": {
      "large_rot_frame": true,
      "small_air_mask": false
    },
    "webapi_port": null,
    "webapi_url": "https://mriqc.nimh.nih.gov/api/v1"
  },
  "qi_1": 3.3354664435398446e-06,
  "qi_2": 0.001561623493352656,
  "rpve_csf": 21.3497225240542,
  "rpve_gm": 9.395966776084016,
  "rpve_wm": 11.65297556154084,
  "size_x": 192,
  "size_y": 256,
  "size_z": 256,
  "snr_csf": 2.036765527149751,
  "snr_gm": 9.067909004811863,
  "snr_total": 9.421029595850307,
  "snr_wm": 17.158414255589307,
  "snrd_csf": 20.14477077995846,
  "snrd_gm": 40.105749610648154,
  "snrd_total": 39.22784976786437,
  "snrd_wm": 57.433028912986494,
  "spacing_x": 0.9000000953674316,
  "spacing_y": 0.859375,
  "spacing_z": 0.859375,
  "summary_bg_k": 180.19082645880474,
  "summary_bg_mad": 11.406961501158,
  "summary_bg_mean": 22.077315334805753,
  "summary_bg_median": 17.8389043956995,
  "summary_bg_n": 1877644.0,
  "summary_bg_p05": 5.038469180464745,
  "summary_bg_p95": 48.342069163918495,
  "summary_bg_stdv": 19.717951440729756,
  "summary_csf_k": 26.120237667742657,
  "summary_csf_mad": 138.44820972423182,
  "summary_csf_mean": 375.3094458515558,
  "summary_csf_median": 350.7523511238396,
  "summary_csf_n": 14024.0,
  "summary_csf_p05": 179.43078150376678,
  "summary_csf_p95": 605.9474107433108,
  "summary_csf_stdv": 172.20433122703517,
  "summary_gm_k": 0.26149432136593287,
  "summary_gm_mad": 72.88341773306261,
  "summary_gm_mean": 701.7653829058704,
  "summary_gm_median": 698.3045934438705,
  "summary_gm_n": 36999.0,
  "summary_gm_p05": 579.7643928602338,
  "summary_gm_p95": 835.5075562216341,
  "summary_gm_stdv": 77.0072964126513,
  "summary_wm_k": 0.660290718097762,
  "summary_wm_mad": 55.62155563838989,
  "summary_wm_mean": 1000.7689567226985,
  "summary_wm_median": 999.9999574795365,
  "summary_wm_n": 407717.0,
  "summary_wm_p05": 907.4010644331574,
  "summary_wm_p95": 1096.5479209646583,
  "summary_wm_stdv": 58.28036998304026,
  "tpm_overlap_csf": 0.16878221929073334,
  "tpm_overlap_gm": 0.41950085759162903,
  "tpm_overlap_wm": 0.49409207701683044,
  "wm2max": 0.46743301981923446
}