{
  "aor": 0.0010664363636363635,
  "aqi": 0.009671045345454547,
  "bids_meta": {
    "AcquisitionMatrixPE": 96,
    "BandwidthPerPixelPhaseEncode": 20.425,
    "BaseResolution": 96,
    "BodyPartExamined": "BRAIN",
    "ConsistencyInfo": "N4_VE11C_LATEST_20160120",
    "ConversionSoftware": "dcm2niix",
    "ConversionSoftwareVersion": "v1.0.20180328 GCC6.3.0",
    "DerivedVendorReportedEchoSpacing": 0.000509996,
    "DeviceSerialNumber": "66018",
    "DwellTime": 2.1e-06,
    "EchoTime": 0.031,
    "EchoTrainLength": 96,
    "EffectiveEchoSpacing": 0.000509996,
    "FlipAngle": 67,
    "ImageOrientationPatientDICOM": [
      1,
      0,
      0,
      0,
      1,
      0
    ],
    "ImageType": [
      "ORIGINAL",
      "PRIMARY",
      "M",
      "ND",
      "NORM",
      "MOSAIC"
    ],
    "InPlanePhaseEncodingDirectionDICOM": "COL",
    "InstitutionAddress": "Washington Rd, Princeton, NJ 08540, USA",
    "InstitutionName": "Princeton University",
    "InstitutionalDepartmentName": "Princeton Neuroscience Institute",
    "MRAcquisitionType": "2D",
    "MagneticFieldStrength": 3,
    "Manufacturer": "Siemens",
    "ManufacturersModelName": "Prisma",
    "Modality": "MR",
    "MultibandAccelerationFactor": 3,
    "NumberOfVolumesDiscardedByScanner": 3,
    "PartialFourier": 1,
    "PatientPosition": "HFS",
    "PercentPhaseFOV": 100,
    "PhaseEncodingDirection": "j-",
    "PhaseEncodingSteps": 96,
    "PhaseResolution": 1,
    "PixelBandwidth": 2480,
    "ProcedureStepDescription": "Hasson_Nastase_042518_Storyteller",
    "ProtocolName": "func_task-black",
    "PulseSequenceDetails": "%SiemensSeq%_ep2d_bold",
    "ReceiveCoilActiveElements": "HC1-7;NC1,2",
    "ReceiveCoilName": "HeadNeck_64",
    "ReconMatrixPE": 96,
    "RepetitionTime": 1.5,
    "SAR": 0.0489981,
    "ScanOptions": "FS",
    "ScanningSequence": "EP",
    "SequenceName": "_epfid2d1_96",
    "SequenceVariant": "SK",
    "SeriesDescription": "func_task-black",
    "SeriesNumber": 10,
    "ShimSetting": [
      780,
      531,
      2071,
      670,
      -109,
      242,
      224,
      49
    ],
    "SliceThickness": 2.5,
    "SliceTiming": [
      1.11,
      0,
      0.74,
      0.0925,
      0.8325,
      0.185,
      0.925,
      0.2775,
      1.0175,
      0.4625,
      1.2025,
      0.555,
      1.295,
      0.6475,
      1.3875,
      0.37,
      1.11,
      0,
      0.74,
      0.0925,
      0.8325,
      0.185,
      0.925,
      0.2775,
      1.0175,
      0.4625,
      1.2025,
      0.555,
      1.295,
      0.6475,
      1.3875,
      0.37,
      1.11,
      0,
      0.74,
      0.0925,
      0.8325,
      0.185,
      0.925,
      0.2775,
      1.0175,
      0.4625,
      1.2025,
      0.555,
      1.295,
      0.6475,
      1.3875,
      0.37
    ],
    "SoftwareVersions": "syngo_MR_E11",
    "SpacingBetweenSlices": 2.5,
    "StationName": "AWP66018",
    "TaskDescription": "Passively listened to audio story 'black'",
    "TaskName": "black",
    "TotalReadoutTime": 0.0484496,
    "TxRefAmp": 249.3,
    "dataset": "ds002345",
    "modality": "bold",
    "subject_id": "279",
    "task_id": "black"
  },
  "dummy_trs": 0,
  "dvars_nstd": 28.810034969089262,
  "dvars_std": 1.1834699190710374,
  "dvars_vstd": 1.0053843036794186,
  "efc": 0.4734076274357386,
  "fber": 2933.090576171875,
  "fd_mean": 0.14701319880318692,
  "fd_num": 103,
  "fd_perc": 18.727272727272727,
  "fwhm_avg": 2.1159613333333334,
  "fwhm_x": 1.97364,
  "fwhm_y": 2.364992,
  "fwhm_z": 2.009252,
  "gcor": 0.00743037,
  "gsr_x": -0.018684038892388344,
  "gsr_y": 0.030708683654665947,
  "provenance": {
    "md5sum": "419ddd26eaff4bbfa51b70040f645389",
    "settings": {
      "fd_thres": 0.2,
      "testing": false
    },
    "software": "mriqc",
    "version": "22.0.0rc1",
    "webapi_port": null,
    "webapi_url": "https://mriqc.nimh.nih.gov/api/v1"
  },
  "size_t": 550,
  "size_x": 96,
  "size_y": 96,
  "size_z": 48,
  "snr": 5.435614525572168,
  "spacing_tr": 1.5,
  "spacing_x": 2.5,
  "spacing_y": 2.5,
  "spacing_z": 2.5,
  "summary_bg_k": 23.309208234065018,
  "summary_bg_mad": 8.678614819478675,
  "summary_bg_mean": 36.68534851074219,
  "summary_bg_median": 12.986364364624023,
  "summary_bg_n": 314470.0,
  "summary_bg_p05": 5.016363620758057,
  "summary_bg_p95": 160.46118011474604,
  "summary_bg_stdv": 68.27000427246094,
  "summary_fg_k": 2.8185720039494386,
  "summary_fg_mad": 117.19968727469622,
  "summary_fg_mean": 716.3011474609375,
  "summary_fg_median": 714.6318359375,
  "summary_fg_n": 66576.0,
  "summary_fg_p05": 535.7818298339844,
  "summary_fg_p95": 924.9836273193359,
  "summary_fg_stdv": 131.4711456298828,
  "tsnr": 50.23269218043424
}