{
  "aor": 0.0009427895752895753,
  "aqi": 0.014362193426640925,
  "bids_meta": {
    "CogAtlasID": "https://www.cognitiveatlas.org/task/id/trm_4c8991fadfe01",
    "DeviceSerialNumber": "45031",
    "DwellTime": 5.4e-06,
    "EchoTime": 0.028,
    "EffectiveEchoSpacing": 0.000390001,
    "FlipAngle": 64,
    "InstitutionAddress": "Washington Rd, Princeton, NJ 08540, USA",
    "InstitutionName": "Princeton University",
    "InstitutionalDepartmentName": "Princeton Neuroscience Institute",
    "MagneticFieldStrength": 3,
    "Manufacturer": "Siemens",
    "ManufacturersModelName": "Skyra",
    "NumberOfVolumesDiscardedByScanner": 3,
    "ParallelReductionFactorInPlane": 2,
    "ParallelReductionType": "GRAPPA",
    "PartialFourier": 1,
    "PhaseEncodingDirection": "j-",
    "PixelBandwidth": 1445,
    "PulseSequenceDetails": "%SiemensSeq%_ep2d_bold",
    "PulseSequenceType": "Gradient Echo EPI",
    "ReceiveCoilActiveElements": "HE1-4",
    "ReceiveCoilName": "HeadNeck_20",
    "RepetitionTime": 1.5,
    "ScanOptions": "FS",
    "ScanningSequence": "EP",
    "SequenceName": "_epfid2d1_64",
    "SequenceVariant": "SK",
    "SliceTiming": [
      0,
      0.7775,
      0.055,
      0.8325,
      0.1125,
      0.89,
      0.1675,
      0.945,
      0.2225,
      1,
      0.2775,
      1.055,
      0.3325,
      1.11,
      0.39,
      1.1675,
      0.445,
      1.2225,
      0.5,
      1.2775,
      0.555,
      1.3325,
      0.6125,
      1.39,
      0.6675,
      1.445,
      0.7225
    ],
    "SoftwareVersions": "syngo_MR_D11",
    "StationName": "AWP45031",
    "TaskDescription": "Passively listened to audio story 'tunnel'",
    "TaskName": "tunnel",
    "TotalReadoutTime": 0.0245701,
    "dataset": "ds002345",
    "modality": "bold",
    "subject_id": "041",
    "task_id": "tunnel"
  },
  "dummy_trs": 4,
  "dvars_nstd": 21.363544288937202,
  "dvars_std": 1.1328969751594202,
  "dvars_vstd": 0.9530873491014508,
  "efc": 0.6634114209283302,
  "fber": 688.6110229492188,
  "fd_mean": 0.14389305651406184,
  "fd_num": 84,
  "fd_perc": 8.108108108108109,
  "fwhm_avg": 1.7132787943778762,
  "fwhm_x": 1.6486766666666668,
  "fwhm_y": 1.9538066666666667,
  "fwhm_z": 1.5373530498002945,
  "gcor": 0.0886465,
  "gsr_x": -0.01855969987809658,
  "gsr_y": 0.0715305358171463,
  "provenance": {
    "md5sum": "f399568976a3a6c82994bf51e2c1ceaf",
    "settings": {
      "fd_thres": 0.2,
      "testing": false
    },
    "software": "mriqc",
    "version": "21.0.0rc2",
    "webapi_port": null,
    "webapi_url": "https://mriqc.nimh.nih.gov/api/v1"
  },
  "size_t": 1036,
  "size_x": 64,
  "size_y": 64,
  "size_z": 27,
  "snr": 7.198934280822474,
  "spacing_tr": 1.5,
  "spacing_x": 3.0,
  "spacing_y": 3.0,
  "spacing_z": 3.9999985694885254,
  "summary_bg_k": 20.313166472577123,
  "summary_bg_mad": 26.12084648038972,
  "summary_bg_mean": 62.220157623291016,
  "summary_bg_median": 28.72731590270996,
  "summary_bg_n": 46514.0,
  "summary_bg_p05": 8.239381790161133,
  "summary_bg_p95": 235.1576217651366,
  "summary_bg_stdv": 91.52909851074219,
  "summary_fg_k": 2.277234544145112,
  "summary_fg_mad": 105.82145727270185,
  "summary_fg_mean": 818.3817749023438,
  "summary_fg_median": 809.2133178710938,
  "summary_fg_n": 35301.0,
  "summary_fg_p05": 665.9304809570312,
  "summary_fg_p95": 1007.2422485351562,
  "summary_fg_stdv": 112.4057846069336,
  "tsnr": 55.05428137537092
}