{
  "aor": 0.0006057297297297296,
  "aqi": 0.012312281,
  "bids_meta": {
    "CogAtlasID": "https://www.cognitiveatlas.org/task/id/trm_4c8991fadfe01",
    "DeviceSerialNumber": "45031",
    "DwellTime": 5.4e-06,
    "EchoTime": 0.028,
    "EffectiveEchoSpacing": 0.000390001,
    "FlipAngle": 64,
    "InstitutionAddress": "Washington Rd, Princeton, NJ 08540, USA",
    "InstitutionName": "Princeton University",
    "InstitutionalDepartmentName": "Princeton Neuroscience Institute",
    "MagneticFieldStrength": 3,
    "Manufacturer": "Siemens",
    "ManufacturersModelName": "Skyra",
    "NumberOfVolumesDiscardedByScanner": 3,
    "ParallelReductionFactorInPlane": 2,
    "ParallelReductionType": "GRAPPA",
    "PartialFourier": 1,
    "PhaseEncodingDirection": "j-",
    "PixelBandwidth": 1445,
    "PulseSequenceDetails": "%SiemensSeq%_ep2d_bold",
    "PulseSequenceType": "Gradient Echo EPI",
    "ReceiveCoilActiveElements": "HE1-4",
    "ReceiveCoilName": "HeadNeck_20",
    "RepetitionTime": 1.5,
    "ScanOptions": "FS",
    "ScanningSequence": "EP",
    "SequenceName": "_epfid2d1_64",
    "SequenceVariant": "SK",
    "SliceTiming": [
      0,
      0.7775,
      0.0575,
      0.835,
      0.1125,
      0.89,
      0.1675,
      0.945,
      0.2225,
      1,
      0.28,
      1.0575,
      0.335,
      1.1125,
      0.39,
      1.1675,
      0.445,
      1.2225,
      0.5,
      1.2775,
      0.5575,
      1.335,
      0.6125,
      1.39,
      0.6675,
      1.445,
      0.7225
    ],
    "SoftwareVersions": "syngo_MR_D11",
    "StationName": "AWP45031",
    "TaskDescription": "Passively listened to audio story 'lucy'",
    "TaskName": "lucy",
    "TotalReadoutTime": 0.0245701,
    "dataset": "ds002345",
    "modality": "bold",
    "subject_id": "041",
    "task_id": "lucy"
  },
  "dummy_trs": 0,
  "dvars_nstd": 25.18400347842816,
  "dvars_std": 1.288494743495934,
  "dvars_vstd": 0.9726692095934953,
  "efc": 0.6572177424923823,
  "fber": 878.2210083007812,
  "fd_mean": 0.12282218817293207,
  "fd_num": 16,
  "fd_perc": 4.324324324324325,
  "fwhm_avg": 1.7344518828099709,
  "fwhm_x": 1.6573133333333334,
  "fwhm_y": 1.99496,
  "fwhm_z": 1.5510823150965791,
  "gcor": 0.0128284,
  "gsr_x": -0.013192514888942242,
  "gsr_y": 0.06580741703510284,
  "provenance": {
    "md5sum": "c24d90711e4f3b3dfb2f184567a88687",
    "settings": {
      "fd_thres": 0.2,
      "testing": false
    },
    "software": "mriqc",
    "version": "21.0.0rc2",
    "webapi_port": null,
    "webapi_url": "https://mriqc.nimh.nih.gov/api/v1"
  },
  "size_t": 370,
  "size_x": 64,
  "size_y": 64,
  "size_z": 27,
  "snr": 7.007199440907585,
  "spacing_tr": 1.5,
  "spacing_x": 3.0,
  "spacing_y": 3.0,
  "spacing_z": 4.000000476837158,
  "summary_bg_k": 19.783723266162628,
  "summary_bg_mad": 22.627715549599156,
  "summary_bg_mean": 57.03652572631836,
  "summary_bg_median": 24.981081008911133,
  "summary_bg_n": 46789.0,
  "summary_bg_p05": 7.508108139038086,
  "summary_bg_p95": 216.55190124511705,
  "summary_bg_stdv": 86.20973205566406,
  "summary_fg_k": 1.8297443883882902,
  "summary_fg_mad": 108.43030871066061,
  "summary_fg_mean": 813.049072265625,
  "summary_fg_median": 802.61083984375,
  "summary_fg_n": 35053.0,
  "summary_fg_p05": 657.2178588867188,
  "summary_fg_p95": 1010.7870483398439,
  "summary_fg_stdv": 114.53925323486328,
  "tsnr": 65.18206459656358
}