{
  "aor": 0.0017536577181208053,
  "aqi": 0.008606713825503355,
  "bids_meta": {
    "CogAtlasID": "https://www.cognitiveatlas.org/task/id/trm_4c8991fadfe01",
    "DeviceSerialNumber": "45031",
    "DwellTime": 5.4e-06,
    "EchoTime": 0.028,
    "EffectiveEchoSpacing": 0.000390001,
    "FlipAngle": 64,
    "InstitutionAddress": "Washington Rd, Princeton, NJ 08540, USA",
    "InstitutionName": "Princeton University",
    "InstitutionalDepartmentName": "Princeton Neuroscience Institute",
    "MagneticFieldStrength": 3,
    "Manufacturer": "Siemens",
    "ManufacturersModelName": "Skyra",
    "NumberOfVolumesDiscardedByScanner": 3,
    "ParallelReductionFactorInPlane": 2,
    "ParallelReductionType": "GRAPPA",
    "PartialFourier": 1,
    "PhaseEncodingDirection": "j-",
    "PixelBandwidth": 1445,
    "PulseSequenceDetails": "%SiemensSeq%_ep2d_bold",
    "PulseSequenceType": "Gradient Echo EPI",
    "ReceiveCoilActiveElements": "HE1-4",
    "ReceiveCoilName": "HeadNeck_20",
    "RepetitionTime": 1.5,
    "ScanOptions": "FS",
    "ScanningSequence": "EP",
    "SequenceName": "_epfid2d1_64",
    "SequenceVariant": "SK",
    "SliceTiming": [
      0,
      0.7775,
      0.055,
      0.8325,
      0.11,
      0.89,
      0.1675,
      0.945,
      0.2225,
      1,
      0.2775,
      1.055,
      0.3325,
      1.11,
      0.39,
      1.1675,
      0.445,
      1.2225,
      0.5,
      1.2775,
      0.555,
      1.3325,
      0.61,
      1.3875,
      0.6675,
      1.445,
      0.7225
    ],
    "SoftwareVersions": "syngo_MR_D11",
    "StationName": "AWP45031",
    "TaskDescription": "Passively listened to audio story 'pieman'",
    "TaskName": "pieman",
    "TotalReadoutTime": 0.0245701,
    "dataset": "ds002345",
    "modality": "bold",
    "subject_id": "041",
    "task_id": "pieman"
  },
  "dummy_trs": 2,
  "dvars_nstd": 24.41036936558924,
  "dvars_std": 1.3044472465656565,
  "dvars_vstd": 1.0290911918518522,
  "efc": 0.6562912824887361,
  "fber": 902.4432983398438,
  "fd_mean": 0.13990267898977704,
  "fd_num": 40,
  "fd_perc": 13.422818791946309,
  "fwhm_avg": 1.729650493944427,
  "fwhm_x": 1.6455233333333332,
  "fwhm_y": 1.9929333333333332,
  "fwhm_z": 1.5504948151666147,
  "gcor": 0.0475677,
  "gsr_x": -0.012459204532206059,
  "gsr_y": 0.06518404930830002,
  "provenance": {
    "md5sum": "0a01180017a848aa9b5f5a94c946f384",
    "settings": {
      "fd_thres": 0.2,
      "testing": false
    },
    "software": "mriqc",
    "version": "21.0.0rc2",
    "webapi_port": null,
    "webapi_url": "https://mriqc.nimh.nih.gov/api/v1"
  },
  "size_t": 298,
  "size_x": 64,
  "size_y": 64,
  "size_z": 27,
  "snr": 6.965829126663357,
  "spacing_tr": 1.5,
  "spacing_x": 3.0,
  "spacing_y": 3.0,
  "spacing_z": 4.000000476837158,
  "summary_bg_k": 18.959151310837047,
  "summary_bg_mad": 21.943010816386188,
  "summary_bg_mean": 56.713104248046875,
  "summary_bg_median": 24.572147369384766,
  "summary_bg_n": 46860.0,
  "summary_bg_p05": 7.560402870178223,
  "summary_bg_p95": 218.68809356689422,
  "summary_bg_stdv": 85.8543701171875,
  "summary_fg_k": 1.8147404510475793,
  "summary_fg_mad": 109.2150454317837,
  "summary_fg_mean": 813.7111206054688,
  "summary_fg_median": 802.9966430664062,
  "summary_fg_n": 34983.0,
  "summary_fg_p05": 657.2120971679688,
  "summary_fg_p95": 1014.3973388671876,
  "summary_fg_stdv": 115.27488708496094,
  "tsnr": 69.23025008663535
}