{
  "aor": 0.0011820900321543408,
  "aqi": 0.005002333569131833,
  "bids_meta": {
    "CogAtlasID": "https://www.cognitiveatlas.org/task/id/trm_4c8991fadfe01",
    "DeviceSerialNumber": "66018",
    "DwellTime": 4.2e-06,
    "EchoTime": 0.039,
    "EffectiveEchoSpacing": 0.000929976,
    "FlipAngle": 50,
    "InstitutionAddress": "Washington Rd, Princeton, NJ 08540, USA",
    "InstitutionName": "Princeton University",
    "InstitutionalDepartmentName": "Princeton Neuroscience Institute",
    "MagneticFieldStrength": 3,
    "Manufacturer": "Siemens",
    "ManufacturersModelName": "Prisma",
    "NumberOfVolumesDiscardedByScanner": 3,
    "ParallelReductionType": "GRAPPA",
    "PartialFourier": 0.75,
    "PhaseEncodingDirection": "j-",
    "PixelBandwidth": 1240,
    "PulseSequenceDetails": "%CustomerSeq%_ep2d_bold_sms_mgh_v22",
    "PulseSequenceType": "Gradient Echo EPI",
    "ReceiveCoilActiveElements": "HC1-7;NC1,2",
    "ReceiveCoilName": "HeadNeck_64",
    "RepetitionTime": 1.5,
    "ScanOptions": "PFP_FS",
    "ScanningSequence": "EP",
    "SequenceName": "epfSM2d1_96",
    "SequenceVariant": "SK",
    "SliceTiming": [
      0.6925,
      0,
      0.79,
      0.1,
      0.8875,
      0.1975,
      0.9875,
      0.2975,
      1.085,
      0.395,
      1.185,
      0.495,
      1.2825,
      0.5925,
      1.3825,
      0.6925,
      0,
      0.79,
      0.1,
      0.8875,
      0.1975,
      0.9875,
      0.2975,
      1.085,
      0.395,
      1.185,
      0.495,
      1.2825,
      0.5925,
      1.3825,
      0.6925,
      0,
      0.79,
      0.1,
      0.8875,
      0.1975,
      0.9875,
      0.2975,
      1.085,
      0.395,
      1.185,
      0.495,
      1.2825,
      0.5925,
      1.3825,
      0.6925,
      0,
      0.79,
      0.1,
      0.8875,
      0.1975,
      0.9875,
      0.2975,
      1.085,
      0.395,
      1.185,
      0.495,
      1.2825,
      0.5925,
      1.3825
    ],
    "SoftwareVersions": "syngo_MR_D13D",
    "StationName": "AWP66018",
    "TaskDescription": "Passively listened to audio story 'shapessocial'",
    "TaskName": "shapessocial",
    "TotalReadoutTime": 0.0883478,
    "dataset": "ds002345",
    "modality": "bold",
    "subject_id": "220",
    "task_id": "shapessocial"
  },
  "dummy_trs": 0,
  "dvars_nstd": 36.36735220870969,
  "dvars_std": 1.0961621273548383,
  "dvars_vstd": 1.0133049216129035,
  "efc": 0.6038530207429278,
  "fber": 266.26629638671875,
  "fd_mean": 0.11368531102404307,
  "fd_num": 15,
  "fd_perc": 4.823151125401929,
  "fwhm_avg": 2.8201783333333332,
  "fwhm_x": 2.532635,
  "fwhm_y": 3.155225,
  "fwhm_z": 2.772675,
  "gcor": 0.00904143,
  "gsr_x": -0.005681425333023071,
  "gsr_y": 0.06936686486005783,
  "provenance": {
    "md5sum": "f189460d214bed32af6e092117321220",
    "settings": {
      "fd_thres": 0.2,
      "testing": false
    },
    "software": "mriqc",
    "version": "22.0.0rc1",
    "webapi_port": null,
    "webapi_url": "https://mriqc.nimh.nih.gov/api/v1"
  },
  "size_t": 311,
  "size_x": 96,
  "size_y": 96,
  "size_z": 60,
  "snr": 2.5452779547430606,
  "spacing_tr": 1.5,
  "spacing_x": 2.0,
  "spacing_y": 2.0,
  "spacing_z": 2.0,
  "summary_bg_k": 112.55277065517392,
  "summary_bg_mad": 6.969662444805177,
  "summary_bg_mean": 43.73740768432617,
  "summary_bg_median": 26.482315063476562,
  "summary_bg_n": 313060.0,
  "summary_bg_p05": 20.604501724243164,
  "summary_bg_p95": 120.9324722290039,
  "summary_bg_stdv": 53.633705139160156,
  "summary_fg_k": 1.130639087141379,
  "summary_fg_mad": 163.1696766067504,
  "summary_fg_mean": 470.45098876953125,
  "summary_fg_median": 447.74114990234375,
  "summary_fg_n": 150274.0,
  "summary_fg_p05": 232.5839225769043,
  "summary_fg_p95": 788.3086547851562,
  "summary_fg_stdv": 175.90992736816406,
  "tsnr": 41.503084782045335
}