{
  "aor": 0.001336109381947532,
  "aqi": 0.032498773054690976,
  "bids_meta": {
    "CogAtlasID": "https://www.cognitiveatlas.org/task/id/trm_4c8991fadfe01",
    "DeviceSerialNumber": "45031",
    "DwellTime": 4.9e-06,
    "EchoTime": 0.028,
    "EffectiveEchoSpacing": 0.000355001,
    "FlipAngle": 64,
    "InstitutionAddress": "Washington Rd, Princeton, NJ 08540, USA",
    "InstitutionName": "Princeton University",
    "InstitutionalDepartmentName": "Princeton Neuroscience Institute",
    "MagneticFieldStrength": 3,
    "Manufacturer": "Siemens",
    "ManufacturersModelName": "Skyra",
    "NumberOfVolumesDiscardedByScanner": 3,
    "ParallelReductionFactorInPlane": 2,
    "ParallelReductionType": "GRAPPA",
    "PartialFourier": 1,
    "PhaseEncodingDirection": "j-",
    "PixelBandwidth": 1595,
    "PulseSequenceDetails": "%SiemensSeq%_ep2d_bold",
    "PulseSequenceType": "Gradient Echo EPI",
    "ReceiveCoilActiveElements": "HE1-4",
    "ReceiveCoilName": "HeadNeck_20",
    "RepetitionTime": 1.5,
    "ScanOptions": "FS",
    "ScanningSequence": "EP",
    "SequenceName": "_epfid2d1_64",
    "SequenceVariant": "SK",
    "SliceTiming": [
      0,
      0.7675,
      0.055,
      0.8225,
      0.11,
      0.8775,
      0.165,
      0.9325,
      0.22,
      0.9875,
      0.275,
      1.0425,
      0.33,
      1.0975,
      0.385,
      1.1525,
      0.44,
      1.2075,
      0.495,
      1.2625,
      0.55,
      1.315,
      0.6025,
      1.37,
      0.6575,
      1.425,
      0.7125
    ],
    "SoftwareVersions": "syngo_MR_E11",
    "StationName": "AWP45031",
    "TaskDescription": "Passively listened to audio story '21styear'",
    "TaskName": "21styear",
    "TotalReadoutTime": 0.022365,
    "dataset": "ds002345",
    "modality": "bold",
    "subject_id": "262",
    "task_id": "21styear"
  },
  "dummy_trs": 0,
  "dvars_nstd": 22.394045707135184,
  "dvars_std": 1.1289681968727758,
  "dvars_vstd": 0.9482399204314951,
  "efc": 0.6416492825389168,
  "fber": 1055.3150634765625,
  "fd_mean": 0.10292374657950226,
  "fd_num": 186,
  "fd_perc": 8.270342374388617,
  "fwhm_avg": 1.8448672222222224,
  "fwhm_x": 1.7924866666666668,
  "fwhm_y": 2.15979,
  "fwhm_z": 1.582325,
  "gcor": 0.0291582,
  "gsr_x": -0.011379792355000973,
  "gsr_y": 0.06972736865282059,
  "provenance": {
    "md5sum": "8e3c5be047db5c998e2412379ef4a76c",
    "settings": {
      "fd_thres": 0.2,
      "testing": false
    },
    "software": "mriqc",
    "version": "22.0.0rc1",
    "webapi_port": null,
    "webapi_url": "https://mriqc.nimh.nih.gov/api/v1"
  },
  "size_t": 2249,
  "size_x": 64,
  "size_y": 64,
  "size_z": 27,
  "snr": 6.985035950710423,
  "spacing_tr": 1.5,
  "spacing_x": 3.0,
  "spacing_y": 3.0,
  "spacing_z": 4.0,
  "summary_bg_k": 16.102793281240924,
  "summary_bg_mad": 21.371490351734938,
  "summary_bg_mean": 66.28524780273438,
  "summary_bg_median": 23.78923988342285,
  "summary_bg_n": 49487.0,
  "summary_bg_p05": 7.384748744964599,
  "summary_bg_p95": 263.2478820800781,
  "summary_bg_stdv": 96.43523406982422,
  "summary_fg_k": 2.9357426619292504,
  "summary_fg_mad": 108.14553398033608,
  "summary_fg_mean": 865.6941528320312,
  "summary_fg_median": 856.1378173828125,
  "summary_fg_n": 31069.0,
  "summary_fg_p05": 696.3591796875,
  "summary_fg_p95": 1061.519189453125,
  "summary_fg_stdv": 122.56544494628906,
  "tsnr": 37.66613597021205
}