{
  "bids_meta": {
    "DeviceSerialNumber": "45031",
    "DwellTime": 8.2e-06,
    "EchoTime": 0.00308,
    "FlipAngle": 9,
    "InstitutionAddress": "Washington Rd, Princeton, NJ 08540, USA",
    "InstitutionName": "Princeton University",
    "InstitutionalDepartmentName": "Princeton Neuroscience Institute",
    "InversionTime": 0.9,
    "MagneticFieldStrength": 3,
    "Manufacturer": "Siemens",
    "ManufacturersModelName": "Skyra",
    "ParallelReductionFactorInPlane": 2,
    "ParallelReductionType": "GRAPPA",
    "PartialFourier": 1,
    "PixelBandwidth": 240,
    "PulseSequenceDetails": "%SiemensSeq%_tfl",
    "PulseSequenceType": "MPRAGE",
    "ReceiveCoilActiveElements": "HE1-4",
    "ReceiveCoilName": "HeadNeck_20",
    "RepetitionTime": 2.3,
    "ScanOptions": "IR",
    "ScanningSequence": "GR_IR",
    "SequenceName": "_tfl3d1_16ns",
    "SequenceVariant": "SK_SP_MP",
    "SoftwareVersions": "syngo_MR_D13",
    "StationName": "AWP45031",
    "dataset": "ds002345",
    "modality": "T1w",
    "subject_id": "173"
  },
  "cjv": 0.3809042986201546,
  "cnr": 3.406640551764488,
  "efc": 0.6087767731182864,
  "fber": 1442.6551805153103,
  "fwhm_avg": 3.2441940731059886,
  "fwhm_x": 3.2913776469901808,
  "fwhm_y": 3.4323083636363636,
  "fwhm_z": 3.008896208691421,
  "icvs_csf": 0.18559604088322557,
  "icvs_gm": 0.4501875534738778,
  "icvs_wm": 0.36421640564289665,
  "inu_med": 1.4000507593154907,
  "inu_range": 0.4809677362442015,
  "provenance": {
    "md5sum": "9edc031b9bb0f22c9e61cc6e096d2aab",
    "settings": {
      "testing": false
    },
    "software": "mriqc",
    "version": "22.0.0rc1",
    "warnings": {
      "large_rot_frame": true,
      "small_air_mask": false
    },
    "webapi_port": null,
    "webapi_url": "https://mriqc.nimh.nih.gov/api/v1"
  },
  "qi_1": 7.128374903639647e-06,
  "qi_2": 0.0028994321630142787,
  "rpve_csf": 19.708823692266318,
  "rpve_gm": 9.076090113446945,
  "rpve_wm": 12.986638913110742,
  "size_x": 192,
  "size_y": 256,
  "size_z": 256,
  "snr_csf": 2.582212087795647,
  "snr_gm": 9.967473116046344,
  "snr_total": 9.649497252323455,
  "snr_wm": 16.398806553128374,
  "snrd_csf": 24.82521960151119,
  "snrd_gm": 54.891659855603486,
  "snrd_total": 53.37371070485596,
  "snrd_wm": 80.40425265745318,
  "spacing_x": 0.9000000357627869,
  "spacing_y": 0.859375,
  "spacing_z": 0.8593749403953552,
  "summary_bg_k": 877.6118738096484,
  "summary_bg_mad": 8.148031393923413,
  "summary_bg_mean": 16.187042749420634,
  "summary_bg_median": 12.518128335475922,
  "summary_bg_n": 3656848.0,
  "summary_bg_p05": 2.442561626434326,
  "summary_bg_p95": 38.77566581964493,
  "summary_bg_stdv": 16.308336410039345,
  "summary_csf_k": 29.811089663328957,
  "summary_csf_mad": 104.79273709407056,
  "summary_csf_mean": 325.8238547133653,
  "summary_csf_median": 308.75505559146404,
  "summary_csf_n": 20809.0,
  "summary_csf_p05": 177.2383780181408,
  "summary_csf_p95": 517.7162027329206,
  "summary_csf_stdv": 119.56710998879403,
  "summary_gm_k": 0.32105490244128143,
  "summary_gm_mad": 64.27891432984025,
  "summary_gm_mean": 682.9056164228168,
  "summary_gm_median": 682.6959745883942,
  "summary_gm_n": 33024.0,
  "summary_gm_p05": 567.7543675519526,
  "summary_gm_p95": 796.8742811165749,
  "summary_gm_stdv": 68.49134481737995,
  "summary_wm_k": 0.618830299232656,
  "summary_wm_mad": 56.58355134669036,
  "summary_wm_mean": 996.6464326818623,
  "summary_wm_median": 999.9999958723783,
  "summary_wm_n": 307226.0,
  "summary_wm_p05": 889.9320625811815,
  "summary_wm_p95": 1090.1457858979702,
  "summary_wm_stdv": 60.979947849550506,
  "tpm_overlap_csf": 0.1726246029138565,
  "tpm_overlap_gm": 0.43324074149131775,
  "tpm_overlap_wm": 0.47646650671958923,
  "wm2max": 0.4971350510378325
}