{
  "aor": 0.0004002020202020202,
  "aqi": 0.00646182356902357,
  "bids_meta": {
    "CogAtlasID": "https://www.cognitiveatlas.org/task/id/trm_4c8991fadfe01",
    "DeviceSerialNumber": "45031",
    "DwellTime": 5.4e-06,
    "EchoTime": 0.028,
    "EffectiveEchoSpacing": 0.000390001,
    "FlipAngle": 64,
    "InstitutionAddress": "Washington Rd, Princeton, NJ 08540, USA",
    "InstitutionName": "Princeton University",
    "InstitutionalDepartmentName": "Princeton Neuroscience Institute",
    "MagneticFieldStrength": 3,
    "Manufacturer": "Siemens",
    "ManufacturersModelName": "Skyra",
    "NumberOfVolumesDiscardedByScanner": 3,
    "ParallelReductionFactorInPlane": 2,
    "ParallelReductionType": "GRAPPA",
    "PartialFourier": 1,
    "PhaseEncodingDirection": "j-",
    "PixelBandwidth": 1445,
    "PulseSequenceDetails": "%SiemensSeq%_ep2d_bold",
    "PulseSequenceType": "Gradient Echo EPI",
    "ReceiveCoilActiveElements": "HE1-4",
    "ReceiveCoilName": "HeadNeck_20",
    "RepetitionTime": 1.5,
    "ScanOptions": "FS",
    "ScanningSequence": "EP",
    "SequenceName": "_epfid2d1_64",
    "SequenceVariant": "SK",
    "SliceTiming": [
      0,
      0.7775,
      0.055,
      0.8325,
      0.11,
      0.8875,
      0.165,
      0.9425,
      0.22,
      0.9975,
      0.2775,
      1.055,
      0.3325,
      1.11,
      0.3875,
      1.165,
      0.4425,
      1.22,
      0.5,
      1.2775,
      0.555,
      1.3325,
      0.61,
      1.3875,
      0.665,
      1.4425,
      0.72
    ],
    "SoftwareVersions": "syngo_MR_D11",
    "StationName": "AWP45031",
    "TaskDescription": "Passively listened to audio story 'milkyway'",
    "TaskName": "milkyway",
    "TotalReadoutTime": 0.0245701,
    "dataset": "ds002345",
    "modality": "bold",
    "subject_id": "086",
    "task_id": "milkyway"
  },
  "dummy_trs": 0,
  "dvars_nstd": 18.06228299104729,
  "dvars_std": 1.0846465048310812,
  "dvars_vstd": 0.9833518858445944,
  "efc": 0.6005072140868783,
  "fber": 2178.31689453125,
  "fd_mean": 0.13450948203609353,
  "fd_num": 33,
  "fd_perc": 11.11111111111111,
  "fwhm_avg": 1.8174250816532345,
  "fwhm_x": 1.7361766666666665,
  "fwhm_y": 2.0708866666666665,
  "fwhm_z": 1.6452119116263706,
  "gcor": 0.0333074,
  "gsr_x": -0.024305041879415512,
  "gsr_y": 0.07156726717948914,
  "provenance": {
    "md5sum": "0eeb3b7726d568eaad5e13d88ca4a357",
    "settings": {
      "fd_thres": 0.2,
      "testing": false
    },
    "software": "mriqc",
    "version": "21.0.0rc2",
    "webapi_port": null,
    "webapi_url": "https://mriqc.nimh.nih.gov/api/v1"
  },
  "size_t": 297,
  "size_x": 64,
  "size_y": 64,
  "size_z": 27,
  "snr": 7.57215556798969,
  "spacing_tr": 1.5,
  "spacing_x": 3.0,
  "spacing_y": 3.0,
  "spacing_z": 4.000001430511475,
  "summary_bg_k": 29.9758523943525,
  "summary_bg_mad": 9.559539080963845,
  "summary_bg_mean": 37.97986602783203,
  "summary_bg_median": 15.265993118286133,
  "summary_bg_n": 52840.0,
  "summary_bg_p05": 7.468013286590576,
  "summary_bg_p95": 130.75807342529293,
  "summary_bg_stdv": 67.50123596191406,
  "summary_fg_k": 2.9173971840019437,
  "summary_fg_mad": 90.78567727865558,
  "summary_fg_mean": 768.0180053710938,
  "summary_fg_median": 760.81982421875,
  "summary_fg_n": 28766.0,
  "summary_fg_p05": 629.5286102294922,
  "summary_fg_p95": 935.9553833007812,
  "summary_fg_stdv": 100.4742431640625,
  "tsnr": 78.50236939196475
}