{
  "aor": 0.0009502947368421054,
  "aqi": 0.010045553326315789,
  "bids_meta": {
    "CogAtlasID": "https://www.cognitiveatlas.org/task/id/trm_4c8991fadfe01",
    "DeviceSerialNumber": "45031",
    "DwellTime": 5.4e-06,
    "EchoTime": 0.028,
    "EffectiveEchoSpacing": 0.000390001,
    "FlipAngle": 64,
    "InstitutionAddress": "Washington Rd, Princeton, NJ 08540, USA",
    "InstitutionName": "Princeton University",
    "InstitutionalDepartmentName": "Princeton Neuroscience Institute",
    "MagneticFieldStrength": 3,
    "Manufacturer": "Siemens",
    "ManufacturersModelName": "Skyra",
    "NumberOfVolumesDiscardedByScanner": 3,
    "ParallelReductionFactorInPlane": 2,
    "ParallelReductionType": "GRAPPA",
    "PartialFourier": 1,
    "PhaseEncodingDirection": "j-",
    "PixelBandwidth": 1445,
    "PulseSequenceDetails": "%SiemensSeq%_ep2d_bold",
    "PulseSequenceType": "Gradient Echo EPI",
    "ReceiveCoilActiveElements": "HE1-4",
    "ReceiveCoilName": "HeadNeck_20",
    "RepetitionTime": 1.5,
    "ScanOptions": "FS",
    "ScanningSequence": "EP",
    "SequenceName": "_epfid2d1_64",
    "SequenceVariant": "SK",
    "SliceTiming": [
      0,
      0.7775,
      0.055,
      0.8325,
      0.11,
      0.8875,
      0.165,
      0.9425,
      0.22,
      0.9975,
      0.2775,
      1.055,
      0.3325,
      1.11,
      0.3875,
      1.165,
      0.4425,
      1.22,
      0.5,
      1.2775,
      0.555,
      1.3325,
      0.61,
      1.3875,
      0.665,
      1.4425,
      0.72
    ],
    "SoftwareVersions": "syngo_MR_D11",
    "StationName": "AWP45031",
    "TaskDescription": "Passively listened to audio story 'prettymouth'",
    "TaskName": "prettymouth",
    "TotalReadoutTime": 0.0245701,
    "dataset": "ds002345",
    "modality": "bold",
    "subject_id": "086",
    "task_id": "prettymouth"
  },
  "dummy_trs": 0,
  "dvars_nstd": 17.630002812573846,
  "dvars_std": 1.0578711497468363,
  "dvars_vstd": 0.9710146258860765,
  "efc": 0.6016805235934064,
  "fber": 2150.75244140625,
  "fd_mean": 0.15626593395514884,
  "fd_num": 123,
  "fd_perc": 25.894736842105264,
  "fwhm_avg": 1.8052256415104562,
  "fwhm_x": 1.7384033333333333,
  "fwhm_y": 2.068146666666667,
  "fwhm_z": 1.6091269245313677,
  "gcor": 0.0457156,
  "gsr_x": -0.02473626658320427,
  "gsr_y": 0.07351821660995483,
  "provenance": {
    "md5sum": "10df4dd9b64cd01ca4003ddc6f491b98",
    "settings": {
      "fd_thres": 0.2,
      "testing": false
    },
    "software": "mriqc",
    "version": "21.0.0rc2",
    "webapi_port": null,
    "webapi_url": "https://mriqc.nimh.nih.gov/api/v1"
  },
  "size_t": 475,
  "size_x": 64,
  "size_y": 64,
  "size_z": 27,
  "snr": 7.596119279155119,
  "spacing_tr": 1.5,
  "spacing_x": 3.0,
  "spacing_y": 3.0,
  "spacing_z": 4.000001430511475,
  "summary_bg_k": 28.889220944902174,
  "summary_bg_mad": 10.474974293442825,
  "summary_bg_mean": 39.41156768798828,
  "summary_bg_median": 15.589472770690918,
  "summary_bg_n": 52890.0,
  "summary_bg_p05": 7.119999885559082,
  "summary_bg_p95": 137.27714767456033,
  "summary_bg_stdv": 69.85136413574219,
  "summary_fg_k": 2.7754241511124595,
  "summary_fg_mad": 90.36539248838159,
  "summary_fg_mean": 767.1923217773438,
  "summary_fg_median": 760.10205078125,
  "summary_fg_n": 28746.0,
  "summary_fg_p05": 628.7104949951172,
  "summary_fg_p95": 934.5820770263672,
  "summary_fg_stdv": 100.06278228759766,
  "tsnr": 66.76111547509208
}