{
  "aor": 0.00039071153846153845,
  "aqi": 0.009210636759615386,
  "bids_meta": {
    "CogAtlasID": "https://www.cognitiveatlas.org/task/id/trm_4c8991fadfe01",
    "DeviceSerialNumber": "45031",
    "DwellTime": 5.4e-06,
    "EchoTime": 0.028,
    "EffectiveEchoSpacing": 0.000390001,
    "FlipAngle": 64,
    "InstitutionAddress": "Washington Rd, Princeton, NJ 08540, USA",
    "InstitutionName": "Princeton University",
    "InstitutionalDepartmentName": "Princeton Neuroscience Institute",
    "MagneticFieldStrength": 3,
    "Manufacturer": "Siemens",
    "ManufacturersModelName": "Skyra",
    "NumberOfVolumesDiscardedByScanner": 3,
    "ParallelReductionFactorInPlane": 2,
    "ParallelReductionType": "GRAPPA",
    "PartialFourier": 1,
    "PhaseEncodingDirection": "j-",
    "PixelBandwidth": 1445,
    "PulseSequenceDetails": "%SiemensSeq%_ep2d_bold",
    "PulseSequenceType": "Gradient Echo EPI",
    "ReceiveCoilActiveElements": "HE1-4",
    "ReceiveCoilName": "HeadNeck_20",
    "RepetitionTime": 1.5,
    "ScanOptions": "FS",
    "ScanningSequence": "EP",
    "SequenceName": "_epfid2d1_64",
    "SequenceVariant": "SK",
    "SliceTiming": [
      0,
      0.7775,
      0.055,
      0.8325,
      0.1125,
      0.89,
      0.1675,
      0.945,
      0.2225,
      1,
      0.2775,
      1.055,
      0.3325,
      1.11,
      0.39,
      1.1675,
      0.445,
      1.2225,
      0.5,
      1.2775,
      0.555,
      1.3325,
      0.6125,
      1.39,
      0.6675,
      1.445,
      0.7225
    ],
    "SoftwareVersions": "syngo_MR_D11",
    "StationName": "AWP45031",
    "TaskDescription": "Passively listened to audio story 'tunnel'",
    "TaskName": "tunnel",
    "TotalReadoutTime": 0.0245701,
    "dataset": "ds002345",
    "modality": "bold",
    "subject_id": "064",
    "task_id": "tunnel"
  },
  "dummy_trs": 0,
  "dvars_nstd": 18.379136001020207,
  "dvars_std": 1.0710104698460068,
  "dvars_vstd": 0.9798934325890278,
  "efc": 0.5888657788882239,
  "fber": 2022.0941162109375,
  "fd_mean": 0.12048458554265049,
  "fd_num": 67,
  "fd_perc": 6.4423076923076925,
  "fwhm_avg": 1.8060879261437701,
  "fwhm_x": 1.76384,
  "fwhm_y": 2.0260466666666668,
  "fwhm_z": 1.6283771117646428,
  "gcor": 0.144414,
  "gsr_x": 0.0027934096287935972,
  "gsr_y": 0.05033744126558304,
  "provenance": {
    "md5sum": "417b039bcce37a2542daca41592e9bb1",
    "settings": {
      "fd_thres": 0.2,
      "testing": false
    },
    "software": "mriqc",
    "version": "21.0.0rc2",
    "webapi_port": null,
    "webapi_url": "https://mriqc.nimh.nih.gov/api/v1"
  },
  "size_t": 1040,
  "size_x": 64,
  "size_y": 64,
  "size_z": 27,
  "snr": 7.120794569356455,
  "spacing_tr": 1.5,
  "spacing_x": 3.0,
  "spacing_y": 3.0,
  "spacing_z": 4.000000953674316,
  "summary_bg_k": 30.687204420215103,
  "summary_bg_mad": 10.281275783919476,
  "summary_bg_mean": 42.26849365234375,
  "summary_bg_median": 15.274999618530273,
  "summary_bg_n": 54923.0,
  "summary_bg_p05": 7.172115325927734,
  "summary_bg_p95": 164.26941833496073,
  "summary_bg_stdv": 78.45480346679688,
  "summary_fg_k": 2.111237746408646,
  "summary_fg_mad": 92.78100069894664,
  "summary_fg_mean": 727.902099609375,
  "summary_fg_median": 719.9577026367188,
  "summary_fg_n": 26897.0,
  "summary_fg_p05": 587.2519165039063,
  "summary_fg_p95": 894.2176879882812,
  "summary_fg_stdv": 101.1044921875,
  "tsnr": 61.115205510519445
}