{
  "aor": 0.001333466666666667,
  "aqi": 0.014273976599999998,
  "bids_meta": {
    "CogAtlasID": "https://www.cognitiveatlas.org/task/id/trm_4c8991fadfe01",
    "DeviceSerialNumber": "45031",
    "DwellTime": 5.4e-06,
    "EchoTime": 0.028,
    "EffectiveEchoSpacing": 0.000390001,
    "FlipAngle": 64,
    "InstitutionAddress": "Washington Rd, Princeton, NJ 08540, USA",
    "InstitutionName": "Princeton University",
    "InstitutionalDepartmentName": "Princeton Neuroscience Institute",
    "MagneticFieldStrength": 3,
    "Manufacturer": "Siemens",
    "ManufacturersModelName": "Skyra",
    "NumberOfVolumesDiscardedByScanner": 3,
    "ParallelReductionFactorInPlane": 2,
    "ParallelReductionType": "GRAPPA",
    "PartialFourier": 1,
    "PhaseEncodingDirection": "j-",
    "PixelBandwidth": 1445,
    "PulseSequenceDetails": "%SiemensSeq%_ep2d_bold",
    "PulseSequenceType": "Gradient Echo EPI",
    "ReceiveCoilActiveElements": "HE1-4",
    "ReceiveCoilName": "HeadNeck_20",
    "RepetitionTime": 1.5,
    "ScanOptions": "FS",
    "ScanningSequence": "EP",
    "SequenceName": "_epfid2d1_64",
    "SequenceVariant": "SK",
    "SliceTiming": [
      0,
      0.7775,
      0.055,
      0.8325,
      0.11,
      0.89,
      0.1675,
      0.945,
      0.2225,
      1,
      0.2775,
      1.055,
      0.3325,
      1.11,
      0.39,
      1.1675,
      0.445,
      1.2225,
      0.5,
      1.2775,
      0.555,
      1.3325,
      0.61,
      1.3875,
      0.6675,
      1.445,
      0.7225
    ],
    "SoftwareVersions": "syngo_MR_D11",
    "StationName": "AWP45031",
    "TaskDescription": "Passively listened to audio story 'pieman'",
    "TaskName": "pieman",
    "TotalReadoutTime": 0.0245701,
    "dataset": "ds002345",
    "modality": "bold",
    "subject_id": "064",
    "task_id": "pieman"
  },
  "dummy_trs": 0,
  "dvars_nstd": 22.5536714129097,
  "dvars_std": 1.0449981681939793,
  "dvars_vstd": 0.9526739728428096,
  "efc": 0.5889232401425439,
  "fber": 1810.6943359375,
  "fd_mean": 0.22690018010733654,
  "fd_num": 175,
  "fd_perc": 58.333333333333336,
  "fwhm_avg": 1.766368762097919,
  "fwhm_x": 1.7243866666666667,
  "fwhm_y": 1.9793200000000002,
  "fwhm_z": 1.5953996196270894,
  "gcor": 0.0329174,
  "gsr_x": 0.0002066818269668147,
  "gsr_y": 0.04684069752693176,
  "provenance": {
    "md5sum": "5e91415b3c39b27da55829b9ddcf57bc",
    "settings": {
      "fd_thres": 0.2,
      "testing": false
    },
    "software": "mriqc",
    "version": "21.0.0rc2",
    "webapi_port": null,
    "webapi_url": "https://mriqc.nimh.nih.gov/api/v1"
  },
  "size_t": 300,
  "size_x": 64,
  "size_y": 64,
  "size_z": 27,
  "snr": 7.636561791891018,
  "spacing_tr": 1.5,
  "spacing_x": 3.0,
  "spacing_y": 3.0,
  "spacing_z": 4.000000953674316,
  "summary_bg_k": 34.20975653076361,
  "summary_bg_mad": 12.38219920773083,
  "summary_bg_mean": 44.755470275878906,
  "summary_bg_median": 17.18833351135254,
  "summary_bg_n": 55218.0,
  "summary_bg_p05": 7.206666946411133,
  "summary_bg_p95": 165.86867446899367,
  "summary_bg_stdv": 84.64147186279297,
  "summary_fg_k": 2.0480472562331435,
  "summary_fg_mad": 92.50446063670584,
  "summary_fg_mean": 771.3339233398438,
  "summary_fg_median": 764.27001953125,
  "summary_fg_n": 26903.0,
  "summary_fg_p05": 630.1396606445312,
  "summary_fg_p95": 934.1097106933594,
  "summary_fg_stdv": 100.07852172851562,
  "tsnr": 59.33884852100164
}