{
  "aor": 0.0031966749379652606,
  "aqi": 0.01247978758478081,
  "bids_meta": {
    "CogAtlasID": "https://www.cognitiveatlas.org/task/id/trm_4c8991fadfe01",
    "DeviceSerialNumber": "45031",
    "DwellTime": 5.4e-06,
    "EchoTime": 0.028,
    "EffectiveEchoSpacing": 0.000390001,
    "FlipAngle": 64,
    "InstitutionAddress": "Washington Rd, Princeton, NJ 08540, USA",
    "InstitutionName": "Princeton University",
    "InstitutionalDepartmentName": "Princeton Neuroscience Institute",
    "MagneticFieldStrength": 3,
    "Manufacturer": "Siemens",
    "ManufacturersModelName": "Skyra",
    "NumberOfVolumesDiscardedByScanner": 3,
    "ParallelReductionFactorInPlane": 2,
    "ParallelReductionType": "GRAPPA",
    "PartialFourier": 1,
    "PhaseEncodingDirection": "j-",
    "PixelBandwidth": 1445,
    "PulseSequenceDetails": "%SiemensSeq%_ep2d_bold",
    "PulseSequenceType": "Gradient Echo EPI",
    "ReceiveCoilActiveElements": "HE1-4",
    "ReceiveCoilName": "HeadNeck_20",
    "RepetitionTime": 1.5,
    "ScanOptions": "FS",
    "ScanningSequence": "EP",
    "SequenceName": "_epfid2d1_64",
    "SequenceVariant": "SK",
    "SliceTiming": [
      0,
      0.7775,
      0.055,
      0.8325,
      0.11,
      0.8875,
      0.1675,
      0.945,
      0.2225,
      1,
      0.2775,
      1.055,
      0.3325,
      1.11,
      0.3875,
      1.165,
      0.445,
      1.2225,
      0.5,
      1.2775,
      0.555,
      1.3325,
      0.61,
      1.3875,
      0.6675,
      1.445,
      0.7225
    ],
    "SoftwareVersions": "syngo_MR_D11",
    "StationName": "AWP45031",
    "TaskDescription": "Passively listened to audio story 'slumlordreach'",
    "TaskName": "slumlordreach",
    "TotalReadoutTime": 0.0245701,
    "dataset": "ds002345",
    "modality": "bold",
    "subject_id": "016",
    "task_id": "slumlordreach"
  },
  "dummy_trs": 1,
  "dvars_nstd": 21.604550634710257,
  "dvars_std": 1.2428153474751633,
  "dvars_vstd": 1.0449675063741708,
  "efc": 0.5784622575986446,
  "fber": 2201.99072265625,
  "fd_mean": 0.1989437943325167,
  "fd_num": 508,
  "fd_perc": 42.018196856906535,
  "fwhm_avg": 1.8343944444444444,
  "fwhm_x": 1.8090433333333333,
  "fwhm_y": 2.04771,
  "fwhm_z": 1.64643,
  "gcor": 0.139532,
  "gsr_x": -0.006545749958604574,
  "gsr_y": 0.027124851942062378,
  "provenance": {
    "md5sum": "05f5158b8e59dc45fee7c5fcbeefbc92",
    "settings": {
      "fd_thres": 0.2,
      "testing": false
    },
    "software": "mriqc",
    "version": "21.0.0rc2",
    "webapi_port": null,
    "webapi_url": "https://mriqc.nimh.nih.gov/api/v1"
  },
  "size_t": 1209,
  "size_x": 64,
  "size_y": 64,
  "size_z": 27,
  "snr": 7.34112618796124,
  "spacing_tr": 1.5,
  "spacing_x": 3.0,
  "spacing_y": 3.0,
  "spacing_z": 4.0,
  "summary_bg_k": 26.98532132118316,
  "summary_bg_mad": 11.163051225038302,
  "summary_bg_mean": 35.603580474853516,
  "summary_bg_median": 16.14474868774414,
  "summary_bg_n": 55412.0,
  "summary_bg_p05": 6.752688407897949,
  "summary_bg_p95": 122.77506256103499,
  "summary_bg_stdv": 59.44586944580078,
  "summary_fg_k": 2.054974900748654,
  "summary_fg_mad": 97.1416646581487,
  "summary_fg_mean": 783.4689331054688,
  "summary_fg_median": 774.803955078125,
  "summary_fg_n": 27157.0,
  "summary_fg_p05": 637.3098510742187,
  "summary_fg_p95": 960.9497436523435,
  "summary_fg_stdv": 105.54098510742188,
  "tsnr": 52.30226589599624
}