{
  "aor": 0.0013438999999999999,
  "aqi": 0.0056553540000000005,
  "bids_meta": {
    "CogAtlasID": "https://www.cognitiveatlas.org/task/id/trm_4c8991fadfe01",
    "DeviceSerialNumber": "45031",
    "DwellTime": 5.4e-06,
    "EchoTime": 0.028,
    "EffectiveEchoSpacing": 0.000390001,
    "FlipAngle": 64,
    "InstitutionAddress": "Washington Rd, Princeton, NJ 08540, USA",
    "InstitutionName": "Princeton University",
    "InstitutionalDepartmentName": "Princeton Neuroscience Institute",
    "MagneticFieldStrength": 3,
    "Manufacturer": "Siemens",
    "ManufacturersModelName": "Skyra",
    "NumberOfVolumesDiscardedByScanner": 3,
    "ParallelReductionFactorInPlane": 2,
    "ParallelReductionType": "GRAPPA",
    "PartialFourier": 1,
    "PhaseEncodingDirection": "j-",
    "PixelBandwidth": 1445,
    "PulseSequenceDetails": "%SiemensSeq%_ep2d_bold",
    "PulseSequenceType": "Gradient Echo EPI",
    "ReceiveCoilActiveElements": "HE1-4",
    "ReceiveCoilName": "HeadNeck_20",
    "RepetitionTime": 1.5,
    "ScanOptions": "FS",
    "ScanningSequence": "EP",
    "SequenceName": "_epfid2d1_64",
    "SequenceVariant": "SK",
    "SliceTiming": [
      0,
      0.7775,
      0.055,
      0.8325,
      0.11,
      0.89,
      0.1675,
      0.945,
      0.2225,
      1,
      0.2775,
      1.055,
      0.3325,
      1.11,
      0.39,
      1.1675,
      0.445,
      1.2225,
      0.5,
      1.2775,
      0.555,
      1.3325,
      0.61,
      1.3875,
      0.6675,
      1.445,
      0.7225
    ],
    "SoftwareVersions": "syngo_MR_D11",
    "StationName": "AWP45031",
    "TaskDescription": "Passively listened to audio story 'pieman'",
    "TaskName": "pieman",
    "TotalReadoutTime": 0.0245701,
    "dataset": "ds002345",
    "modality": "bold",
    "run_id": 2,
    "subject_id": "016",
    "task_id": "pieman"
  },
  "dummy_trs": 0,
  "dvars_nstd": 21.47070889779264,
  "dvars_std": 1.2702137610033444,
  "dvars_vstd": 1.012473423177257,
  "efc": 0.5763462421672818,
  "fber": 2306.476318359375,
  "fd_mean": 0.12397615422364948,
  "fd_num": 11,
  "fd_perc": 3.6666666666666665,
  "fwhm_avg": 1.8606882655376278,
  "fwhm_x": 1.7999133333333335,
  "fwhm_y": 2.0760166666666664,
  "fwhm_z": 1.706134796612883,
  "gcor": 0.0238358,
  "gsr_x": -0.00815561506897211,
  "gsr_y": 0.03486085310578346,
  "provenance": {
    "md5sum": "b21999461d876035716481d9b62f9f6f",
    "settings": {
      "fd_thres": 0.2,
      "testing": false
    },
    "software": "mriqc",
    "version": "21.0.0rc2",
    "webapi_port": null,
    "webapi_url": "https://mriqc.nimh.nih.gov/api/v1"
  },
  "size_t": 300,
  "size_x": 64,
  "size_y": 64,
  "size_z": 27,
  "snr": 7.254730047658585,
  "spacing_tr": 1.5,
  "spacing_x": 3.0,
  "spacing_y": 3.0,
  "spacing_z": 4.000000476837158,
  "summary_bg_k": 28.68240637710267,
  "summary_bg_mad": 9.078468470705621,
  "summary_bg_mean": 35.05472183227539,
  "summary_bg_median": 14.936667442321777,
  "summary_bg_n": 55930.0,
  "summary_bg_p05": 7.210000038146973,
  "summary_bg_p95": 123.7370033264154,
  "summary_bg_stdv": 61.39388656616211,
  "summary_fg_k": 2.355094912827358,
  "summary_fg_mad": 95.29673704395849,
  "summary_fg_mean": 758.3519897460938,
  "summary_fg_median": 747.36669921875,
  "summary_fg_n": 26923.0,
  "summary_fg_p05": 618.8713317871094,
  "summary_fg_p95": 932.7440246582029,
  "summary_fg_stdv": 103.01593780517578,
  "tsnr": 82.51826904853806
}