{
  "aor": 0.0007220666666666668,
  "aqi": 0.005658943866666667,
  "bids_meta": {
    "CogAtlasID": "https://www.cognitiveatlas.org/task/id/trm_4c8991fadfe01",
    "DeviceSerialNumber": "45031",
    "DwellTime": 5.4e-06,
    "EchoTime": 0.028,
    "EffectiveEchoSpacing": 0.000390001,
    "FlipAngle": 64,
    "InstitutionAddress": "Washington Rd, Princeton, NJ 08540, USA",
    "InstitutionName": "Princeton University",
    "InstitutionalDepartmentName": "Princeton Neuroscience Institute",
    "MagneticFieldStrength": 3,
    "Manufacturer": "Siemens",
    "ManufacturersModelName": "Skyra",
    "NumberOfVolumesDiscardedByScanner": 3,
    "ParallelReductionFactorInPlane": 2,
    "ParallelReductionType": "GRAPPA",
    "PartialFourier": 1,
    "PhaseEncodingDirection": "j-",
    "PixelBandwidth": 1445,
    "PulseSequenceDetails": "%SiemensSeq%_ep2d_bold",
    "PulseSequenceType": "Gradient Echo EPI",
    "ReceiveCoilActiveElements": "HE1-4",
    "ReceiveCoilName": "HeadNeck_20",
    "RepetitionTime": 1.5,
    "ScanOptions": "FS",
    "ScanningSequence": "EP",
    "SequenceName": "_epfid2d1_64",
    "SequenceVariant": "SK",
    "SliceTiming": [
      0,
      0.7775,
      0.055,
      0.8325,
      0.11,
      0.89,
      0.1675,
      0.945,
      0.2225,
      1,
      0.2775,
      1.055,
      0.3325,
      1.11,
      0.39,
      1.1675,
      0.445,
      1.2225,
      0.5,
      1.2775,
      0.555,
      1.3325,
      0.61,
      1.3875,
      0.6675,
      1.445,
      0.7225
    ],
    "SoftwareVersions": "syngo_MR_D11",
    "StationName": "AWP45031",
    "TaskDescription": "Passively listened to audio story 'pieman'",
    "TaskName": "pieman",
    "TotalReadoutTime": 0.0245701,
    "dataset": "ds002345",
    "modality": "bold",
    "run_id": 1,
    "subject_id": "016",
    "task_id": "pieman"
  },
  "dummy_trs": 0,
  "dvars_nstd": 20.64675309424749,
  "dvars_std": 1.2456962302341128,
  "dvars_vstd": 0.9962046412374586,
  "efc": 0.5786018334507222,
  "fber": 2300.56689453125,
  "fd_mean": 0.11098307330692002,
  "fd_num": 7,
  "fd_perc": 2.3333333333333335,
  "fwhm_avg": 1.8440360437898582,
  "fwhm_x": 1.7871466666666667,
  "fwhm_y": 2.0507666666666666,
  "fwhm_z": 1.6941947980362417,
  "gcor": 0.0366474,
  "gsr_x": -0.009455536492168903,
  "gsr_y": 0.037539247423410416,
  "provenance": {
    "md5sum": "2652a4fd5d3df707209edced26b63acf",
    "settings": {
      "fd_thres": 0.2,
      "testing": false
    },
    "software": "mriqc",
    "version": "21.0.0rc2",
    "webapi_port": null,
    "webapi_url": "https://mriqc.nimh.nih.gov/api/v1"
  },
  "size_t": 300,
  "size_x": 64,
  "size_y": 64,
  "size_z": 27,
  "snr": 7.3132303783288615,
  "spacing_tr": 1.5,
  "spacing_x": 3.0,
  "spacing_y": 3.0,
  "spacing_z": 4.000000476837158,
  "summary_bg_k": 30.23509502117131,
  "summary_bg_mad": 9.063642109179847,
  "summary_bg_mean": 36.41943359375,
  "summary_bg_median": 14.880000114440918,
  "summary_bg_n": 55860.0,
  "summary_bg_p05": 7.296666622161865,
  "summary_bg_p95": 129.79600143432594,
  "summary_bg_stdv": 65.42212677001953,
  "summary_fg_k": 2.4307883298112323,
  "summary_fg_mad": 93.95747234462482,
  "summary_fg_mean": 757.4127807617188,
  "summary_fg_median": 746.9566650390625,
  "summary_fg_n": 26988.0,
  "summary_fg_p05": 618.7251892089844,
  "summary_fg_p95": 929.6550231933593,
  "summary_fg_stdv": 102.13582611083984,
  "tsnr": 83.67247578210663
}