{
  "aor": 0.0063672,
  "aqi": 0.03443764925,
  "bids_meta": {
    "CogAtlasID": "https://www.cognitiveatlas.org/task/id/trm_4c8991fadfe01",
    "DeviceSerialNumber": "45031",
    "DwellTime": 5.4e-06,
    "EchoTime": 0.028,
    "EffectiveEchoSpacing": 0.000390001,
    "FlipAngle": 64,
    "InstitutionAddress": "Washington Rd, Princeton, NJ 08540, USA",
    "InstitutionName": "Princeton University",
    "InstitutionalDepartmentName": "Princeton Neuroscience Institute",
    "MagneticFieldStrength": 3,
    "Manufacturer": "Siemens",
    "ManufacturersModelName": "Skyra",
    "NumberOfVolumesDiscardedByScanner": 3,
    "ParallelReductionFactorInPlane": 2,
    "ParallelReductionType": "GRAPPA",
    "PartialFourier": 1,
    "PhaseEncodingDirection": "j-",
    "PixelBandwidth": 1445,
    "PulseSequenceDetails": "%SiemensSeq%_ep2d_bold",
    "PulseSequenceType": "Gradient Echo EPI",
    "ReceiveCoilActiveElements": "HE1-4",
    "ReceiveCoilName": "HeadNeck_20",
    "RepetitionTime": 1.5,
    "ScanOptions": "FS",
    "ScanningSequence": "EP",
    "SequenceName": "_epfid2d1_64",
    "SequenceVariant": "SK",
    "SliceTiming": [
      0,
      0.7775,
      0.055,
      0.8325,
      0.11,
      0.8875,
      0.165,
      0.9425,
      0.2225,
      1,
      0.2775,
      1.055,
      0.3325,
      1.11,
      0.3875,
      1.165,
      0.445,
      1.2225,
      0.5,
      1.2775,
      0.555,
      1.3325,
      0.61,
      1.3875,
      0.665,
      1.4425,
      0.7225
    ],
    "SoftwareVersions": "syngo_MR_D11",
    "StationName": "AWP45031",
    "TaskDescription": "Passively listened to audio story 'notthefall'",
    "TaskName": "notthefall",
    "TotalReadoutTime": 0.0245701,
    "dataset": "ds002345",
    "modality": "bold",
    "subject_id": "016",
    "task_id": "notthefall"
  },
  "dummy_trs": 0,
  "dvars_nstd": 21.70167463558897,
  "dvars_std": 1.058230835989975,
  "dvars_vstd": 0.9455372727568923,
  "efc": 0.5796557322758307,
  "fber": 2031.4134521484375,
  "fd_mean": 0.2074843300333742,
  "fd_num": 168,
  "fd_perc": 42.0,
  "fwhm_avg": 1.8630277777777777,
  "fwhm_x": 1.8694833333333334,
  "fwhm_y": 2.1425899999999998,
  "fwhm_z": 1.57701,
  "gcor": 0.0310965,
  "gsr_x": -0.007810202892869711,
  "gsr_y": 0.03253769874572754,
  "provenance": {
    "md5sum": "cbdccaa938c2d5be679ffb11eaf15dfe",
    "settings": {
      "fd_thres": 0.2,
      "testing": false
    },
    "software": "mriqc",
    "version": "21.0.0rc2",
    "webapi_port": null,
    "webapi_url": "https://mriqc.nimh.nih.gov/api/v1"
  },
  "size_t": 400,
  "size_x": 64,
  "size_y": 64,
  "size_z": 27,
  "snr": 7.436593359959828,
  "spacing_tr": 1.5,
  "spacing_x": 3.0,
  "spacing_y": 3.0,
  "spacing_z": 4.0,
  "summary_bg_k": 24.60518781747179,
  "summary_bg_mad": 12.112860238304341,
  "summary_bg_mean": 36.7901725769043,
  "summary_bg_median": 16.920000076293945,
  "summary_bg_n": 55537.0,
  "summary_bg_p05": 7.014999866485596,
  "summary_bg_p95": 124.06099700927722,
  "summary_bg_stdv": 58.01612091064453,
  "summary_fg_k": 2.058752373305321,
  "summary_fg_mad": 95.1256188313612,
  "summary_fg_mean": 777.7894897460938,
  "summary_fg_median": 768.8699951171875,
  "summary_fg_n": 27018.0,
  "summary_fg_p05": 632.8821319580078,
  "summary_fg_p95": 951.5325958251952,
  "summary_fg_stdv": 103.38816833496094,
  "tsnr": 41.16457975655794
}