{
  "aor": 0.0018174074074074073,
  "aqi": 0.01297764255892256,
  "bids_meta": {
    "CogAtlasID": "https://www.cognitiveatlas.org/task/id/trm_4c8991fadfe01",
    "DeviceSerialNumber": "45031",
    "DwellTime": 5.4e-06,
    "EchoTime": 0.028,
    "EffectiveEchoSpacing": 0.000390001,
    "FlipAngle": 64,
    "InstitutionAddress": "Washington Rd, Princeton, NJ 08540, USA",
    "InstitutionName": "Princeton University",
    "InstitutionalDepartmentName": "Princeton Neuroscience Institute",
    "MagneticFieldStrength": 3,
    "Manufacturer": "Siemens",
    "ManufacturersModelName": "Skyra",
    "NumberOfVolumesDiscardedByScanner": 3,
    "ParallelReductionFactorInPlane": 2,
    "ParallelReductionType": "GRAPPA",
    "PartialFourier": 1,
    "PhaseEncodingDirection": "j-",
    "PixelBandwidth": 1445,
    "PulseSequenceDetails": "%SiemensSeq%_ep2d_bold",
    "PulseSequenceType": "Gradient Echo EPI",
    "ReceiveCoilActiveElements": "HE1-4",
    "ReceiveCoilName": "HeadNeck_20",
    "RepetitionTime": 1.5,
    "ScanOptions": "FS",
    "ScanningSequence": "EP",
    "SequenceName": "_epfid2d1_64",
    "SequenceVariant": "SK",
    "SliceTiming": [
      0,
      0.7775,
      0.055,
      0.8325,
      0.11,
      0.8875,
      0.165,
      0.9425,
      0.22,
      0.9975,
      0.2775,
      1.055,
      0.3325,
      1.11,
      0.3875,
      1.165,
      0.4425,
      1.22,
      0.5,
      1.2775,
      0.555,
      1.3325,
      0.61,
      1.3875,
      0.665,
      1.4425,
      0.72
    ],
    "SoftwareVersions": "syngo_MR_D11",
    "StationName": "AWP45031",
    "TaskDescription": "Passively listened to audio story 'milkyway'",
    "TaskName": "milkyway",
    "TotalReadoutTime": 0.0245701,
    "dataset": "ds002345",
    "modality": "bold",
    "subject_id": "093",
    "task_id": "milkyway"
  },
  "dummy_trs": 0,
  "dvars_nstd": 22.727712921182434,
  "dvars_std": 1.19425910875,
  "dvars_vstd": 0.9897132060135142,
  "efc": 0.5631108734948326,
  "fber": 2127.780517578125,
  "fd_mean": 0.1442121689090841,
  "fd_num": 43,
  "fd_perc": 14.478114478114477,
  "fwhm_avg": 1.7304607439557724,
  "fwhm_x": 1.6790433333333334,
  "fwhm_y": 1.9319233333333334,
  "fwhm_z": 1.58041556520065,
  "gcor": 0.0453572,
  "gsr_x": -0.008716771379113197,
  "gsr_y": 0.03700277954339981,
  "provenance": {
    "md5sum": "874edd91014c53e14d942dd473d9405f",
    "settings": {
      "fd_thres": 0.2,
      "testing": false
    },
    "software": "mriqc",
    "version": "21.0.0rc2",
    "webapi_port": null,
    "webapi_url": "https://mriqc.nimh.nih.gov/api/v1"
  },
  "size_t": 297,
  "size_x": 64,
  "size_y": 64,
  "size_z": 27,
  "snr": 7.299468077666901,
  "spacing_tr": 1.5,
  "spacing_x": 3.0,
  "spacing_y": 3.0,
  "spacing_z": 3.9999985694885254,
  "summary_bg_k": 23.53420243608367,
  "summary_bg_mad": 8.675969375799985,
  "summary_bg_mean": 31.691970825195312,
  "summary_bg_median": 14.420875549316406,
  "summary_bg_n": 57973.0,
  "summary_bg_p05": 7.154881954193115,
  "summary_bg_p95": 109.1831604003905,
  "summary_bg_stdv": 50.6368522644043,
  "summary_fg_k": 2.7201034886714357,
  "summary_fg_mad": 87.54090133565848,
  "summary_fg_mean": 703.6398315429688,
  "summary_fg_median": 694.0673217773438,
  "summary_fg_n": 25084.0,
  "summary_fg_p05": 574.3215209960938,
  "summary_fg_p95": 861.6178192138672,
  "summary_fg_stdv": 95.08274841308594,
  "tsnr": 59.635023508337326
}