{
  "aor": 0.0033131666666666665,
  "aqi": 0.005788275266666667,
  "bids_meta": {
    "CogAtlasID": "https://www.cognitiveatlas.org/task/id/trm_4c8991fadfe01",
    "DeviceSerialNumber": "45031",
    "DwellTime": 5.4e-06,
    "EchoTime": 0.028,
    "EffectiveEchoSpacing": 0.000390001,
    "FlipAngle": 64,
    "InstitutionAddress": "Washington Rd, Princeton, NJ 08540, USA",
    "InstitutionName": "Princeton University",
    "InstitutionalDepartmentName": "Princeton Neuroscience Institute",
    "MagneticFieldStrength": 3,
    "Manufacturer": "Siemens",
    "ManufacturersModelName": "Skyra",
    "NumberOfVolumesDiscardedByScanner": 3,
    "ParallelReductionFactorInPlane": 2,
    "ParallelReductionType": "GRAPPA",
    "PartialFourier": 1,
    "PhaseEncodingDirection": "j-",
    "PixelBandwidth": 1445,
    "PulseSequenceDetails": "%SiemensSeq%_ep2d_bold",
    "PulseSequenceType": "Gradient Echo EPI",
    "ReceiveCoilActiveElements": "HE1-4",
    "ReceiveCoilName": "HeadNeck_20",
    "RepetitionTime": 1.5,
    "ScanOptions": "FS",
    "ScanningSequence": "EP",
    "SequenceName": "_epfid2d1_64",
    "SequenceVariant": "SK",
    "SliceTiming": [
      0,
      0.7775,
      0.055,
      0.8325,
      0.11,
      0.89,
      0.1675,
      0.945,
      0.2225,
      1,
      0.2775,
      1.055,
      0.3325,
      1.11,
      0.39,
      1.1675,
      0.445,
      1.2225,
      0.5,
      1.2775,
      0.555,
      1.3325,
      0.61,
      1.3875,
      0.6675,
      1.445,
      0.7225
    ],
    "SoftwareVersions": "syngo_MR_D11",
    "StationName": "AWP45031",
    "TaskDescription": "Passively listened to audio story 'pieman'",
    "TaskName": "pieman",
    "TotalReadoutTime": 0.0245701,
    "dataset": "ds002345",
    "modality": "bold",
    "subject_id": "077",
    "task_id": "pieman"
  },
  "dummy_trs": 0,
  "dvars_nstd": 20.684096345886278,
  "dvars_std": 1.2286335545819398,
  "dvars_vstd": 1.0536771585953177,
  "efc": 0.6183891058603109,
  "fber": 1242.599609375,
  "fd_mean": 0.10159551293055526,
  "fd_num": 26,
  "fd_perc": 8.666666666666666,
  "fwhm_avg": 1.846611111111111,
  "fwhm_x": 1.8183733333333334,
  "fwhm_y": 2.09956,
  "fwhm_z": 1.6219,
  "gcor": 0.0768647,
  "gsr_x": -0.0026840942446142435,
  "gsr_y": 0.03449836000800133,
  "provenance": {
    "md5sum": "63d578591c5cb4a671456b68b3047a50",
    "settings": {
      "fd_thres": 0.2,
      "testing": false
    },
    "software": "mriqc",
    "version": "21.0.0rc2",
    "webapi_port": null,
    "webapi_url": "https://mriqc.nimh.nih.gov/api/v1"
  },
  "size_t": 300,
  "size_x": 64,
  "size_y": 64,
  "size_z": 27,
  "snr": 6.40855261505477,
  "spacing_tr": 1.5,
  "spacing_x": 3.0,
  "spacing_y": 3.0,
  "spacing_z": 4.0,
  "summary_bg_k": 12.04387211250729,
  "summary_bg_mad": 13.378012924884347,
  "summary_bg_mean": 50.08328628540039,
  "summary_bg_median": 17.933334350585938,
  "summary_bg_n": 52807.0,
  "summary_bg_p05": 7.4666666984558105,
  "summary_bg_p95": 210.4930053710935,
  "summary_bg_stdv": 77.23987579345703,
  "summary_fg_k": 2.1785501506398797,
  "summary_fg_mad": 97.33278135037793,
  "summary_fg_mean": 687.0388793945312,
  "summary_fg_median": 679.11669921875,
  "summary_fg_n": 28999.0,
  "summary_fg_p05": 536.0143310546875,
  "summary_fg_p95": 856.334375,
  "summary_fg_stdv": 105.96854400634766,
  "tsnr": 74.11162451840937
}