{
  "aor": 0.0009059459459459458,
  "aqi": 0.010267797432432432,
  "bids_meta": {
    "CogAtlasID": "https://www.cognitiveatlas.org/task/id/trm_4c8991fadfe01",
    "DeviceSerialNumber": "45031",
    "DwellTime": 5.4e-06,
    "EchoTime": 0.028,
    "EffectiveEchoSpacing": 0.000390001,
    "FlipAngle": 64,
    "InstitutionAddress": "Washington Rd, Princeton, NJ 08540, USA",
    "InstitutionName": "Princeton University",
    "InstitutionalDepartmentName": "Princeton Neuroscience Institute",
    "MagneticFieldStrength": 3,
    "Manufacturer": "Siemens",
    "ManufacturersModelName": "Skyra",
    "NumberOfVolumesDiscardedByScanner": 3,
    "ParallelReductionFactorInPlane": 2,
    "ParallelReductionType": "GRAPPA",
    "PartialFourier": 1,
    "PhaseEncodingDirection": "j-",
    "PixelBandwidth": 1445,
    "PulseSequenceDetails": "%SiemensSeq%_ep2d_bold",
    "PulseSequenceType": "Gradient Echo EPI",
    "ReceiveCoilActiveElements": "HE1-4",
    "ReceiveCoilName": "HeadNeck_20",
    "RepetitionTime": 1.52,
    "ScanOptions": "FS",
    "ScanningSequence": "EP",
    "SequenceName": "_epfid2d1_64",
    "SequenceVariant": "SK",
    "SliceTiming": [
      0,
      0.7775,
      0.0575,
      0.835,
      0.1125,
      0.89,
      0.1675,
      0.945,
      0.2225,
      1,
      0.2775,
      1.055,
      0.335,
      1.1125,
      0.39,
      1.1675,
      0.445,
      1.2225,
      0.5,
      1.2775,
      0.5575,
      1.335,
      0.6125,
      1.39,
      0.6675,
      1.445,
      0.7225
    ],
    "SoftwareVersions": "syngo_MR_E11",
    "StationName": "AWP45031",
    "TaskDescription": "Passively listened to audio story 'milkyway'",
    "TaskName": "milkyway",
    "TotalReadoutTime": 0.0245701,
    "dataset": "ds002345",
    "modality": "bold",
    "subject_id": "122",
    "task_id": "milkyway"
  },
  "dummy_trs": 1,
  "dvars_nstd": 24.775677942745777,
  "dvars_std": 1.3024352657627125,
  "dvars_vstd": 0.9616798622033902,
  "efc": 0.5604160734159954,
  "fber": 2808.44091796875,
  "fd_mean": 0.15583244768083074,
  "fd_num": 61,
  "fd_perc": 20.60810810810811,
  "fwhm_avg": 1.6644077777777777,
  "fwhm_x": 1.6361833333333333,
  "fwhm_y": 1.83603,
  "fwhm_z": 1.52101,
  "gcor": 0.0099088,
  "gsr_x": -0.0043878559954464436,
  "gsr_y": 0.04007136449217796,
  "provenance": {
    "md5sum": "1b1dfb9edb37cc318a30c50466eeda01",
    "settings": {
      "fd_thres": 0.2,
      "testing": false
    },
    "software": "mriqc",
    "version": "22.0.0rc1",
    "webapi_port": null,
    "webapi_url": "https://mriqc.nimh.nih.gov/api/v1"
  },
  "size_t": 296,
  "size_x": 64,
  "size_y": 64,
  "size_z": 27,
  "snr": 7.805043761254613,
  "spacing_tr": 1.5199999809265137,
  "spacing_x": 3.0,
  "spacing_y": 3.0,
  "spacing_z": 4.0,
  "summary_bg_k": 29.219421338075293,
  "summary_bg_mad": 8.995789518748762,
  "summary_bg_mean": 32.906490325927734,
  "summary_bg_median": 14.189189910888672,
  "summary_bg_n": 57313.0,
  "summary_bg_p05": 6.030405521392822,
  "summary_bg_p95": 114.43851776122993,
  "summary_bg_stdv": 59.15891647338867,
  "summary_fg_k": 2.3965875354360087,
  "summary_fg_mad": 95.00924758789208,
  "summary_fg_mean": 779.5845336914062,
  "summary_fg_median": 772.8192749023438,
  "summary_fg_n": 25326.0,
  "summary_fg_p05": 641.0126647949219,
  "summary_fg_p95": 937.1917266845703,
  "summary_fg_stdv": 99.01341247558594,
  "tsnr": 71.79357991891447
}