{
  "aor": 0.0016404436860068257,
  "aqi": 0.00832526034129693,
  "bids_meta": {
    "AcquisitionMatrixPE": 96,
    "BandwidthPerPixelPhaseEncode": 20.425,
    "BaseResolution": 96,
    "BodyPartExamined": "BRAIN",
    "ConsistencyInfo": "N4_VE11C_LATEST_20160120",
    "ConversionSoftware": "dcm2niix",
    "ConversionSoftwareVersion": "v1.0.20180328 GCC6.3.0",
    "DerivedVendorReportedEchoSpacing": 0.000509996,
    "DeviceSerialNumber": "66018",
    "DwellTime": 2.1e-06,
    "EchoTime": 0.031,
    "EchoTrainLength": 96,
    "EffectiveEchoSpacing": 0.000509996,
    "FlipAngle": 67,
    "ImageOrientationPatientDICOM": [
      1,
      0,
      0,
      0,
      1,
      0
    ],
    "ImageType": [
      "ORIGINAL",
      "PRIMARY",
      "M",
      "ND",
      "NORM",
      "MOSAIC"
    ],
    "InPlanePhaseEncodingDirectionDICOM": "COL",
    "InstitutionAddress": "Washington Rd, Princeton, NJ 08540, USA",
    "InstitutionName": "Princeton University",
    "InstitutionalDepartmentName": "Princeton Neuroscience Institute",
    "MRAcquisitionType": "2D",
    "MagneticFieldStrength": 3,
    "Manufacturer": "Siemens",
    "ManufacturersModelName": "Prisma",
    "Modality": "MR",
    "MultibandAccelerationFactor": 3,
    "NumberOfVolumesDiscardedByScanner": 3,
    "PartialFourier": 1,
    "PatientPosition": "HFS",
    "PercentPhaseFOV": 100,
    "PhaseEncodingDirection": "j-",
    "PhaseEncodingSteps": 96,
    "PhaseResolution": 1,
    "PixelBandwidth": 2480,
    "ProcedureStepDescription": "Hasson_Nastase_042518_Storyteller",
    "ProtocolName": "func_task-pieman",
    "PulseSequenceDetails": "%SiemensSeq%_ep2d_bold",
    "ReceiveCoilActiveElements": "HC1-7;NC1,2",
    "ReceiveCoilName": "HeadNeck_64",
    "ReconMatrixPE": 96,
    "RepetitionTime": 1.5,
    "SAR": 0.0432891,
    "ScanOptions": "FS",
    "ScanningSequence": "EP",
    "SequenceName": "_epfid2d1_96",
    "SequenceVariant": "SK",
    "SeriesDescription": "func_task-pieman",
    "SeriesNumber": 9,
    "ShimSetting": [
      748,
      508,
      2151,
      725,
      -143,
      220,
      298,
      53
    ],
    "SliceThickness": 2.5,
    "SliceTiming": [
      1.11,
      0,
      0.74,
      0.0925,
      0.8325,
      0.185,
      0.925,
      0.2775,
      1.0175,
      0.4625,
      1.2025,
      0.555,
      1.295,
      0.6475,
      1.3875,
      0.37,
      1.11,
      0,
      0.74,
      0.0925,
      0.8325,
      0.185,
      0.925,
      0.2775,
      1.0175,
      0.4625,
      1.2025,
      0.555,
      1.295,
      0.6475,
      1.3875,
      0.37,
      1.11,
      0,
      0.74,
      0.0925,
      0.8325,
      0.185,
      0.925,
      0.2775,
      1.0175,
      0.4625,
      1.2025,
      0.555,
      1.295,
      0.6475,
      1.3875,
      0.37
    ],
    "SoftwareVersions": "syngo_MR_E11",
    "SpacingBetweenSlices": 2.5,
    "StationName": "AWP66018",
    "TaskDescription": "Passively listened to audio story 'piemanpni'",
    "TaskName": "piemanpni",
    "TotalReadoutTime": 0.0484496,
    "TxRefAmp": 217.565,
    "dataset": "ds002345",
    "modality": "bold",
    "subject_id": "295",
    "task_id": "piemanpni"
  },
  "dummy_trs": 1,
  "dvars_nstd": 35.77535924534249,
  "dvars_std": 1.4515356722945207,
  "dvars_vstd": 1.0194142801027402,
  "efc": 0.4508100911360663,
  "fber": 3608.041259765625,
  "fd_mean": 0.11585796940094646,
  "fd_num": 20,
  "fd_perc": 6.825938566552901,
  "fwhm_avg": 1.9529519999999998,
  "fwhm_x": 1.849364,
  "fwhm_y": 2.054824,
  "fwhm_z": 1.9546679999999999,
  "gcor": 0.0255567,
  "gsr_x": -0.019429314881563187,
  "gsr_y": 0.019499344751238823,
  "provenance": {
    "md5sum": "3841fc0839c3c84730832e3929a91d5b",
    "settings": {
      "fd_thres": 0.2,
      "testing": false
    },
    "software": "mriqc",
    "version": "22.0.0rc1",
    "webapi_port": null,
    "webapi_url": "https://mriqc.nimh.nih.gov/api/v1"
  },
  "size_t": 293,
  "size_x": 96,
  "size_y": 96,
  "size_z": 48,
  "snr": 6.129016956803533,
  "spacing_tr": 1.5,
  "spacing_x": 2.5,
  "spacing_y": 2.5,
  "spacing_z": 2.5,
  "summary_bg_k": 39.865055535645695,
  "summary_bg_mad": 6.709659586875415,
  "summary_bg_mean": 24.418643951416016,
  "summary_bg_median": 11.665528297424316,
  "summary_bg_n": 313471.0,
  "summary_bg_p05": 5.426620960235596,
  "summary_bg_p95": 84.96245574951172,
  "summary_bg_stdv": 46.69630432128906,
  "summary_fg_k": 2.0001710582575676,
  "summary_fg_mad": 110.65873658132217,
  "summary_fg_mean": 707.0994262695312,
  "summary_fg_median": 703.8720092773438,
  "summary_fg_n": 67638.0,
  "summary_fg_p05": 544.7272796630859,
  "summary_fg_p95": 889.7786499023438,
  "summary_fg_stdv": 114.84171295166016,
  "tsnr": 63.3471557230223
}