{
  "aor": 0.000964290909090909,
  "aqi": 0.01076767050909091,
  "bids_meta": {
    "AcquisitionMatrixPE": 96,
    "BandwidthPerPixelPhaseEncode": 20.425,
    "BaseResolution": 96,
    "BodyPartExamined": "BRAIN",
    "ConsistencyInfo": "N4_VE11C_LATEST_20160120",
    "ConversionSoftware": "dcm2niix",
    "ConversionSoftwareVersion": "v1.0.20180328 GCC6.3.0",
    "DerivedVendorReportedEchoSpacing": 0.000509996,
    "DeviceSerialNumber": "66018",
    "DwellTime": 2.1e-06,
    "EchoTime": 0.031,
    "EchoTrainLength": 96,
    "EffectiveEchoSpacing": 0.000509996,
    "FlipAngle": 67,
    "ImageOrientationPatientDICOM": [
      1,
      0,
      0,
      0,
      1,
      0
    ],
    "ImageType": [
      "ORIGINAL",
      "PRIMARY",
      "M",
      "ND",
      "NORM",
      "MOSAIC"
    ],
    "InPlanePhaseEncodingDirectionDICOM": "COL",
    "InstitutionAddress": "Washington Rd, Princeton, NJ 08540, USA",
    "InstitutionName": "Princeton University",
    "InstitutionalDepartmentName": "Princeton Neuroscience Institute",
    "MRAcquisitionType": "2D",
    "MagneticFieldStrength": 3,
    "Manufacturer": "Siemens",
    "ManufacturersModelName": "Prisma",
    "Modality": "MR",
    "MultibandAccelerationFactor": 3,
    "NumberOfVolumesDiscardedByScanner": 3,
    "PartialFourier": 1,
    "PatientPosition": "HFS",
    "PercentPhaseFOV": 100,
    "PhaseEncodingDirection": "j-",
    "PhaseEncodingSteps": 96,
    "PhaseResolution": 1,
    "PixelBandwidth": 2480,
    "ProcedureStepDescription": "Hasson_Nastase_042518_Storyteller",
    "ProtocolName": "func_task-black",
    "PulseSequenceDetails": "%SiemensSeq%_ep2d_bold",
    "ReceiveCoilActiveElements": "HC1-7;NC1,2",
    "ReceiveCoilName": "HeadNeck_64",
    "ReconMatrixPE": 96,
    "RepetitionTime": 1.5,
    "SAR": 0.0433384,
    "ScanOptions": "FS",
    "ScanningSequence": "EP",
    "SequenceName": "_epfid2d1_96",
    "SequenceVariant": "SK",
    "SeriesDescription": "func_task-black",
    "SeriesNumber": 12,
    "ShimSetting": [
      748,
      508,
      2151,
      725,
      -143,
      220,
      298,
      53
    ],
    "SliceThickness": 2.5,
    "SliceTiming": [
      1.11,
      0,
      0.74,
      0.0925,
      0.8325,
      0.185,
      0.925,
      0.2775,
      1.0175,
      0.4625,
      1.2025,
      0.555,
      1.295,
      0.6475,
      1.3875,
      0.37,
      1.11,
      0,
      0.74,
      0.0925,
      0.8325,
      0.185,
      0.925,
      0.2775,
      1.0175,
      0.4625,
      1.2025,
      0.555,
      1.295,
      0.6475,
      1.3875,
      0.37,
      1.11,
      0,
      0.74,
      0.0925,
      0.8325,
      0.185,
      0.925,
      0.2775,
      1.0175,
      0.4625,
      1.2025,
      0.555,
      1.295,
      0.6475,
      1.3875,
      0.37
    ],
    "SoftwareVersions": "syngo_MR_E11",
    "SpacingBetweenSlices": 2.5,
    "StationName": "AWP66018",
    "TaskDescription": "Passively listened to audio story 'black'",
    "TaskName": "black",
    "TotalReadoutTime": 0.0484496,
    "TxRefAmp": 217.565,
    "dataset": "ds002345",
    "modality": "bold",
    "subject_id": "295",
    "task_id": "black"
  },
  "dummy_trs": 0,
  "dvars_nstd": 34.89060624615665,
  "dvars_std": 1.396116456848816,
  "dvars_vstd": 0.9997983096357013,
  "efc": 0.45011934575246154,
  "fber": 3568.8701171875,
  "fd_mean": 0.12223228516372088,
  "fd_num": 61,
  "fd_perc": 11.090909090909092,
  "fwhm_avg": 1.9587120000000002,
  "fwhm_x": 1.852392,
  "fwhm_y": 2.055988,
  "fwhm_z": 1.967756,
  "gcor": 0.0222715,
  "gsr_x": -0.019305648282170296,
  "gsr_y": 0.01979253999888897,
  "provenance": {
    "md5sum": "39688ba86ceb869cf75efb8ddef22cc8",
    "settings": {
      "fd_thres": 0.2,
      "testing": false
    },
    "software": "mriqc",
    "version": "22.0.0rc1",
    "webapi_port": null,
    "webapi_url": "https://mriqc.nimh.nih.gov/api/v1"
  },
  "size_t": 550,
  "size_x": 96,
  "size_y": 96,
  "size_z": 48,
  "snr": 6.214568236151191,
  "spacing_tr": 1.5,
  "spacing_x": 2.5,
  "spacing_y": 2.5,
  "spacing_z": 2.5,
  "summary_bg_k": 41.77850138223029,
  "summary_bg_mad": 6.7984070820011295,
  "summary_bg_mean": 24.582679748535156,
  "summary_bg_median": 11.801817893981934,
  "summary_bg_n": 314041.0,
  "summary_bg_p05": 5.481818199157715,
  "summary_bg_p95": 85.19636535644531,
  "summary_bg_stdv": 47.0826530456543,
  "summary_fg_k": 2.146438634408047,
  "summary_fg_mad": 108.91742099961421,
  "summary_fg_mean": 710.5051879882812,
  "summary_fg_median": 706.841796875,
  "summary_fg_n": 67209.0,
  "summary_fg_p05": 550.6665405273437,
  "summary_fg_p95": 892.0032958984374,
  "summary_fg_stdv": 113.73863983154297,
  "tsnr": 58.0072370544076
}