{
  "bids_meta": {
    "DeviceSerialNumber": "45031",
    "DwellTime": 8.2e-06,
    "EchoTime": 0.00308,
    "FlipAngle": 9,
    "InstitutionAddress": "Washington Rd, Princeton, NJ 08540, USA",
    "InstitutionName": "Princeton University",
    "InstitutionalDepartmentName": "Princeton Neuroscience Institute",
    "InversionTime": 0.9,
    "MagneticFieldStrength": 3,
    "Manufacturer": "Siemens",
    "ManufacturersModelName": "Skyra",
    "ParallelReductionFactorInPlane": 2,
    "ParallelReductionType": "GRAPPA",
    "PartialFourier": 1,
    "PixelBandwidth": 240,
    "PulseSequenceDetails": "%SiemensSeq%_tfl",
    "PulseSequenceType": "MPRAGE",
    "ReceiveCoilActiveElements": "HE1-4",
    "ReceiveCoilName": "HeadNeck_20",
    "RepetitionTime": 2.3,
    "ScanOptions": "IR",
    "ScanningSequence": "GR_IR",
    "SequenceName": "_tfl3d1_16ns",
    "SequenceVariant": "SK_SP_MP",
    "SoftwareVersions": "syngo_MR_D11",
    "StationName": "AWP45031",
    "dataset": "ds002345",
    "modality": "T1w",
    "subject_id": "051"
  },
  "cjv": 0.4406244815961164,
  "cnr": 2.9695037297309046,
  "efc": 0.5833272086362227,
  "fber": 1207.8143247216972,
  "fwhm_avg": 3.1931207473369647,
  "fwhm_x": 3.164688553546423,
  "fwhm_y": 3.3726256884644727,
  "fwhm_z": 3.042048,
  "icvs_csf": 0.17743381714784393,
  "icvs_gm": 0.4716722102081079,
  "icvs_wm": 0.35089397264404815,
  "inu_med": 1.3934690952301025,
  "inu_range": 0.5028902292251585,
  "provenance": {
    "md5sum": "6b332f122e8275b5ca8ac05a4a765e51",
    "settings": {
      "testing": false
    },
    "software": "mriqc",
    "version": "21.0.0rc2",
    "warnings": {
      "large_rot_frame": true,
      "small_air_mask": false
    },
    "webapi_port": null,
    "webapi_url": "https://mriqc.nimh.nih.gov/api/v1"
  },
  "qi_1": 0.0,
  "qi_2": 0.003719942477642305,
  "rpve_csf": 25.243615407946617,
  "rpve_gm": 10.754286503463947,
  "rpve_wm": 15.9074508934035,
  "size_x": 192,
  "size_y": 256,
  "size_z": 256,
  "snr_csf": 2.9830884026763607,
  "snr_gm": 9.706956088969982,
  "snr_total": 8.880653679843403,
  "snr_wm": 13.95191654788387,
  "snrd_csf": 22.880540125069246,
  "snrd_gm": 36.734313970027294,
  "snrd_total": 37.48201956385798,
  "snrd_wm": 52.831204596477406,
  "spacing_x": 0.9000000953674316,
  "spacing_y": 0.8593749403953552,
  "spacing_z": 0.859375,
  "summary_bg_k": 1119.0180031444606,
  "summary_bg_mad": 12.400557231265454,
  "summary_bg_mean": 18.95724783902884,
  "summary_bg_median": 16.869861036539078,
  "summary_bg_n": 4624872.0,
  "summary_bg_p05": 2.8352707624435425,
  "summary_bg_p95": 42.7417067438364,
  "summary_bg_stdv": 16.11519403732252,
  "summary_csf_k": 45.08873326841201,
  "summary_csf_mad": 109.71340465628079,
  "summary_csf_mean": 420.5088602289687,
  "summary_csf_median": 433.0876089632511,
  "summary_csf_n": 15777.0,
  "summary_csf_p05": 209.72497829794884,
  "summary_csf_p95": 586.3481700271367,
  "summary_csf_stdv": 145.17634913979967,
  "summary_gm_k": 0.36992828751003426,
  "summary_gm_mad": 67.09962535731349,
  "summary_gm_mean": 698.1077831617794,
  "summary_gm_median": 695.3147136047482,
  "summary_gm_n": 36278.0,
  "summary_gm_p05": 583.7113682180643,
  "summary_gm_p95": 821.0235310345888,
  "summary_gm_stdv": 71.62957409307366,
  "summary_wm_k": 0.6555520980614689,
  "summary_wm_mad": 67.15217009134427,
  "summary_wm_mean": 998.176292285905,
  "summary_wm_median": 999.9999979138374,
  "summary_wm_n": 229373.0,
  "summary_wm_p05": 876.2404291331768,
  "summary_wm_p95": 1111.780547723174,
  "summary_wm_stdv": 71.67458424969003,
  "tpm_overlap_csf": 0.16801685094833374,
  "tpm_overlap_gm": 0.46550580859184265,
  "tpm_overlap_wm": 0.5010823011398315,
  "wm2max": 0.5355391716554918
}