{
  "bids_meta": {
    "DeviceSerialNumber": "45031",
    "DwellTime": 8.2e-06,
    "EchoTime": 0.00308,
    "FlipAngle": 9,
    "InstitutionAddress": "Washington Rd, Princeton, NJ 08540, USA",
    "InstitutionName": "Princeton University",
    "InstitutionalDepartmentName": "Princeton Neuroscience Institute",
    "InversionTime": 0.9,
    "MagneticFieldStrength": 3,
    "Manufacturer": "Siemens",
    "ManufacturersModelName": "Skyra",
    "ParallelReductionFactorInPlane": 2,
    "ParallelReductionType": "GRAPPA",
    "PartialFourier": 1,
    "PixelBandwidth": 240,
    "PulseSequenceDetails": "%SiemensSeq%_tfl",
    "PulseSequenceType": "MPRAGE",
    "ReceiveCoilActiveElements": "HE1-4",
    "ReceiveCoilName": "HeadNeck_20",
    "RepetitionTime": 2.3,
    "ScanOptions": "IR",
    "ScanningSequence": "GR_IR",
    "SequenceName": "_tfl3d1_16ns",
    "SequenceVariant": "SK_SP_MP",
    "SoftwareVersions": "syngo_MR_D11",
    "StationName": "AWP45031",
    "dataset": "ds002345",
    "modality": "T1w",
    "subject_id": "114"
  },
  "cjv": 0.4209487100240685,
  "cnr": 3.1184604020968942,
  "efc": 0.618729580363652,
  "fber": 937.4061148053197,
  "fwhm_avg": 3.2399442935034544,
  "fwhm_x": 3.261255425964908,
  "fwhm_y": 3.4076509090909095,
  "fwhm_z": 3.0509265454545456,
  "icvs_csf": 0.16951922252287074,
  "icvs_gm": 0.45664960568097196,
  "icvs_wm": 0.3738311717961573,
  "inu_med": 1.4828529357910156,
  "inu_range": 0.5392805099487303,
  "provenance": {
    "md5sum": "801920d3fb3f915bf3662abaf94815c6",
    "settings": {
      "testing": false
    },
    "software": "mriqc",
    "version": "22.0.0rc1",
    "warnings": {
      "large_rot_frame": true,
      "small_air_mask": false
    },
    "webapi_port": null,
    "webapi_url": "https://mriqc.nimh.nih.gov/api/v1"
  },
  "qi_1": 6.496579379993818e-06,
  "qi_2": 0.0032227334323764395,
  "rpve_csf": 22.193361453717053,
  "rpve_gm": 9.469057887788729,
  "rpve_wm": 13.24926529181143,
  "size_x": 192,
  "size_y": 256,
  "size_z": 256,
  "snr_csf": 2.5618265239466957,
  "snr_gm": 9.803964059529386,
  "snr_total": 9.450126646024193,
  "snr_wm": 15.984589354596496,
  "snrd_csf": 20.1925319539001,
  "snrd_gm": 36.84244818297867,
  "snrd_total": 36.57114978614177,
  "snrd_wm": 52.678469221546536,
  "spacing_x": 0.9000000357627869,
  "spacing_y": 0.859375,
  "spacing_z": 0.859375,
  "summary_bg_k": 103.65929923301199,
  "summary_bg_mad": 12.436511153546956,
  "summary_bg_mean": 21.85154453038185,
  "summary_bg_median": 19.644393235445023,
  "summary_bg_n": 2680200.0,
  "summary_bg_p05": 2.79609976708889,
  "summary_bg_p95": 47.74878063797951,
  "summary_bg_stdv": 17.03523390292763,
  "summary_csf_k": 38.27461090486995,
  "summary_csf_mad": 120.16646033405841,
  "summary_csf_mean": 384.69074313619166,
  "summary_csf_median": 383.3166001215577,
  "summary_csf_n": 22282.0,
  "summary_csf_p05": 194.794950440526,
  "summary_csf_p95": 570.3326576203108,
  "summary_csf_stdv": 149.62293307394816,
  "summary_gm_k": 0.2825228650927456,
  "summary_gm_mad": 67.97563147601093,
  "summary_gm_mean": 701.1181238387408,
  "summary_gm_median": 699.3834161013365,
  "summary_gm_n": 37056.0,
  "summary_gm_p05": 585.6036640405655,
  "summary_gm_p95": 821.4080777317286,
  "summary_gm_stdv": 71.33583670305582,
  "summary_wm_k": 0.5387118922301526,
  "summary_wm_mad": 58.56852688550746,
  "summary_wm_mean": 997.9812250291418,
  "summary_wm_median": 999.9999884963036,
  "summary_wm_n": 314793.0,
  "summary_wm_p05": 890.880402714014,
  "summary_wm_p95": 1096.7880573570728,
  "summary_wm_stdv": 62.560155782928874,
  "tpm_overlap_csf": 0.1702502965927124,
  "tpm_overlap_gm": 0.44315284490585327,
  "tpm_overlap_wm": 0.496936172246933,
  "wm2max": 0.4522404513325984
}