{
  "aor": 0.00040800000000000005,
  "aqi": 0.011239360949999999,
  "bids_meta": {
    "CogAtlasID": "https://www.cognitiveatlas.org/task/id/trm_4c8991fadfe01",
    "DeviceSerialNumber": "45031",
    "DwellTime": 5.4e-06,
    "EchoTime": 0.028,
    "EffectiveEchoSpacing": 0.000390001,
    "FlipAngle": 64,
    "InstitutionAddress": "Washington Rd, Princeton, NJ 08540, USA",
    "InstitutionName": "Princeton University",
    "InstitutionalDepartmentName": "Princeton Neuroscience Institute",
    "MagneticFieldStrength": 3,
    "Manufacturer": "Siemens",
    "ManufacturersModelName": "Skyra",
    "NumberOfVolumesDiscardedByScanner": 3,
    "ParallelReductionFactorInPlane": 2,
    "ParallelReductionType": "GRAPPA",
    "PartialFourier": 1,
    "PhaseEncodingDirection": "j-",
    "PixelBandwidth": 1445,
    "PulseSequenceDetails": "%SiemensSeq%_ep2d_bold",
    "PulseSequenceType": "Gradient Echo EPI",
    "ReceiveCoilActiveElements": "HE1-4",
    "ReceiveCoilName": "HeadNeck_20",
    "RepetitionTime": 1.5,
    "ScanOptions": "FS",
    "ScanningSequence": "EP",
    "SequenceName": "_epfid2d1_64",
    "SequenceVariant": "SK",
    "SliceTiming": [
      0,
      0.7775,
      0.055,
      0.8325,
      0.11,
      0.8875,
      0.165,
      0.9425,
      0.2225,
      1,
      0.2775,
      1.055,
      0.3325,
      1.11,
      0.3875,
      1.165,
      0.445,
      1.2225,
      0.5,
      1.2775,
      0.555,
      1.3325,
      0.61,
      1.3875,
      0.665,
      1.4425,
      0.7225
    ],
    "SoftwareVersions": "syngo_MR_D11",
    "StationName": "AWP45031",
    "TaskDescription": "Passively listened to audio story 'notthefall'",
    "TaskName": "notthefall",
    "TotalReadoutTime": 0.0245701,
    "dataset": "ds002345",
    "modality": "bold",
    "subject_id": "135",
    "task_id": "notthefall"
  },
  "dummy_trs": 0,
  "dvars_nstd": 22.403627123107764,
  "dvars_std": 1.095672772656643,
  "dvars_vstd": 0.9764952765914796,
  "efc": 0.6168074358445337,
  "fber": 966.0203247070312,
  "fd_mean": 0.13584410011863832,
  "fd_num": 73,
  "fd_perc": 18.25,
  "fwhm_avg": 1.7255332138109492,
  "fwhm_x": 1.7036133333333332,
  "fwhm_y": 1.9690466666666666,
  "fwhm_z": 1.5039396414328476,
  "gcor": 0.0334421,
  "gsr_x": 0.0027458372060209513,
  "gsr_y": 0.040295373648405075,
  "provenance": {
    "md5sum": "fe47d0d54434ba6d20e1744ae96fe8f5",
    "settings": {
      "fd_thres": 0.2,
      "testing": false
    },
    "software": "mriqc",
    "version": "22.0.0rc1",
    "webapi_port": null,
    "webapi_url": "https://mriqc.nimh.nih.gov/api/v1"
  },
  "size_t": 400,
  "size_x": 64,
  "size_y": 64,
  "size_z": 27,
  "snr": 7.097917497876846,
  "spacing_tr": 1.5,
  "spacing_x": 3.0,
  "spacing_y": 3.0,
  "spacing_z": 4.000000953674316,
  "summary_bg_k": 19.875028662065514,
  "summary_bg_mad": 22.009230329613164,
  "summary_bg_mean": 60.64387130737305,
  "summary_bg_median": 25.49250030517578,
  "summary_bg_n": 53261.0,
  "summary_bg_p05": 8.727499961853027,
  "summary_bg_p95": 248.6899871826172,
  "summary_bg_stdv": 94.75846862792969,
  "summary_fg_k": 3.3732727987267292,
  "summary_fg_mad": 104.54933679005099,
  "summary_fg_mean": 841.1765747070312,
  "summary_fg_median": 832.5299682617188,
  "summary_fg_n": 28787.0,
  "summary_fg_p05": 683.6257507324219,
  "summary_fg_p95": 1031.6309448242187,
  "summary_fg_stdv": 117.29010772705078,
  "tsnr": 60.16971320845187
}