{
  "aor": 0.0005853225806451613,
  "aqi": 0.007801872387096774,
  "bids_meta": {
    "CogAtlasID": "https://www.cognitiveatlas.org/task/id/trm_4c8991fadfe01",
    "DeviceSerialNumber": "66018",
    "DwellTime": 4.2e-06,
    "EchoTime": 0.039,
    "EffectiveEchoSpacing": 0.000929976,
    "FlipAngle": 50,
    "InstitutionAddress": "Washington Rd, Princeton, NJ 08540, USA",
    "InstitutionName": "Princeton University",
    "InstitutionalDepartmentName": "Princeton Neuroscience Institute",
    "MagneticFieldStrength": 3,
    "Manufacturer": "Siemens",
    "ManufacturersModelName": "Prisma",
    "NumberOfVolumesDiscardedByScanner": 3,
    "ParallelReductionType": "GRAPPA",
    "PartialFourier": 0.75,
    "PhaseEncodingDirection": "j-",
    "PixelBandwidth": 1240,
    "PulseSequenceDetails": "%CustomerSeq%_ep2d_bold_sms_mgh_v22",
    "PulseSequenceType": "Gradient Echo EPI",
    "ReceiveCoilActiveElements": "HC1-7;NC1,2",
    "ReceiveCoilName": "HeadNeck_64",
    "RepetitionTime": 1.5,
    "ScanOptions": "PFP_FS",
    "ScanningSequence": "EP",
    "SequenceName": "epfSM2d1_96",
    "SequenceVariant": "SK",
    "SliceTiming": [
      0.6925,
      0,
      0.79,
      0.1,
      0.8875,
      0.1975,
      0.9875,
      0.2975,
      1.085,
      0.395,
      1.185,
      0.495,
      1.2825,
      0.5925,
      1.3825,
      0.6925,
      0,
      0.79,
      0.1,
      0.8875,
      0.1975,
      0.9875,
      0.2975,
      1.085,
      0.395,
      1.185,
      0.495,
      1.2825,
      0.5925,
      1.3825,
      0.6925,
      0,
      0.79,
      0.1,
      0.8875,
      0.1975,
      0.9875,
      0.2975,
      1.085,
      0.395,
      1.185,
      0.495,
      1.2825,
      0.5925,
      1.3825,
      0.6925,
      0,
      0.79,
      0.1,
      0.8875,
      0.1975,
      0.9875,
      0.2975,
      1.085,
      0.395,
      1.185,
      0.495,
      1.2825,
      0.5925,
      1.3825
    ],
    "SoftwareVersions": "syngo_MR_D13D",
    "StationName": "AWP66018",
    "TaskDescription": "Passively listened to audio story 'shapesphysical'",
    "TaskName": "shapesphysical",
    "TotalReadoutTime": 0.0883478,
    "dataset": "ds002345",
    "modality": "bold",
    "subject_id": "221",
    "task_id": "shapesphysical"
  },
  "dummy_trs": 0,
  "dvars_nstd": 31.819591423333318,
  "dvars_std": 1.0409293384789646,
  "dvars_vstd": 0.9775267301618121,
  "efc": 0.5382875783567072,
  "fber": 462.190673828125,
  "fd_mean": 0.14665420908306748,
  "fd_num": 52,
  "fd_perc": 16.774193548387096,
  "fwhm_avg": 2.8011883333333336,
  "fwhm_x": 2.599225,
  "fwhm_y": 3.07892,
  "fwhm_z": 2.72542,
  "gcor": 0.00894445,
  "gsr_x": 0.00039949992788024247,
  "gsr_y": 0.05338665470480919,
  "provenance": {
    "md5sum": "0b9e84ad60bedfdb250973943d4ade38",
    "settings": {
      "fd_thres": 0.2,
      "testing": false
    },
    "software": "mriqc",
    "version": "22.0.0rc1",
    "webapi_port": null,
    "webapi_url": "https://mriqc.nimh.nih.gov/api/v1"
  },
  "size_t": 310,
  "size_x": 96,
  "size_y": 96,
  "size_z": 60,
  "snr": 2.8211147417743443,
  "spacing_tr": 1.5,
  "spacing_x": 2.0,
  "spacing_y": 2.0,
  "spacing_z": 2.0,
  "summary_bg_k": 110.88836812018748,
  "summary_bg_mad": 4.988240682584071,
  "summary_bg_mean": 37.760101318359375,
  "summary_bg_median": 23.396774291992188,
  "summary_bg_n": 358848.0,
  "summary_bg_p05": 19.141935348510742,
  "summary_bg_p95": 102.73757896423328,
  "summary_bg_stdv": 51.63050842285156,
  "summary_fg_k": 1.2277454935684586,
  "summary_fg_mad": 177.70662574572387,
  "summary_fg_mean": 536.2294311523438,
  "summary_fg_median": 515.3225708007812,
  "summary_fg_n": 114777.0,
  "summary_fg_p05": 284.982568359375,
  "summary_fg_p95": 861.2935180664062,
  "summary_fg_stdv": 182.66549682617188,
  "tsnr": 40.1448787311092
}