{
  "aor": 0.0017664077669902912,
  "aqi": 0.009100376666666667,
  "bids_meta": {
    "CogAtlasID": "https://www.cognitiveatlas.org/task/id/trm_4c8991fadfe01",
    "DeviceSerialNumber": "66018",
    "DwellTime": 4.2e-06,
    "EchoTime": 0.039,
    "EffectiveEchoSpacing": 0.000929976,
    "FlipAngle": 50,
    "InstitutionAddress": "Washington Rd, Princeton, NJ 08540, USA",
    "InstitutionName": "Princeton University",
    "InstitutionalDepartmentName": "Princeton Neuroscience Institute",
    "MagneticFieldStrength": 3,
    "Manufacturer": "Siemens",
    "ManufacturersModelName": "Prisma",
    "NumberOfVolumesDiscardedByScanner": 3,
    "ParallelReductionType": "GRAPPA",
    "PartialFourier": 0.75,
    "PhaseEncodingDirection": "j-",
    "PixelBandwidth": 1240,
    "PulseSequenceDetails": "%CustomerSeq%_ep2d_bold_sms_mgh_v22",
    "PulseSequenceType": "Gradient Echo EPI",
    "ReceiveCoilActiveElements": "HC1-7;NC1,2",
    "ReceiveCoilName": "HeadNeck_64",
    "RepetitionTime": 1.5,
    "ScanOptions": "PFP_FS",
    "ScanningSequence": "EP",
    "SequenceName": "epfSM2d1_96",
    "SequenceVariant": "SK",
    "SliceTiming": [
      0.6925,
      0,
      0.79,
      0.1,
      0.8875,
      0.1975,
      0.9875,
      0.2975,
      1.085,
      0.395,
      1.185,
      0.495,
      1.2825,
      0.5925,
      1.3825,
      0.6925,
      0,
      0.79,
      0.1,
      0.8875,
      0.1975,
      0.9875,
      0.2975,
      1.085,
      0.395,
      1.185,
      0.495,
      1.2825,
      0.5925,
      1.3825,
      0.6925,
      0,
      0.79,
      0.1,
      0.8875,
      0.1975,
      0.9875,
      0.2975,
      1.085,
      0.395,
      1.185,
      0.495,
      1.2825,
      0.5925,
      1.3825,
      0.6925,
      0,
      0.79,
      0.1,
      0.8875,
      0.1975,
      0.9875,
      0.2975,
      1.085,
      0.395,
      1.185,
      0.495,
      1.2825,
      0.5925,
      1.3825
    ],
    "SoftwareVersions": "syngo_MR_D13D",
    "StationName": "AWP66018",
    "TaskDescription": "Passively listened to audio story 'shapessocial'",
    "TaskName": "shapessocial",
    "TotalReadoutTime": 0.0883478,
    "dataset": "ds002345",
    "modality": "bold",
    "subject_id": "221",
    "task_id": "shapessocial"
  },
  "dummy_trs": 0,
  "dvars_nstd": 31.394841181753254,
  "dvars_std": 1.017893502337662,
  "dvars_vstd": 0.9642153445129871,
  "efc": 0.5383651446211067,
  "fber": 464.29620361328125,
  "fd_mean": 0.1609197602258741,
  "fd_num": 71,
  "fd_perc": 22.977346278317153,
  "fwhm_avg": 2.848613333333333,
  "fwhm_x": 2.66255,
  "fwhm_y": 3.1399,
  "fwhm_z": 2.74339,
  "gcor": 0.018028,
  "gsr_x": -0.0001939194480655715,
  "gsr_y": 0.05223529040813446,
  "provenance": {
    "md5sum": "57b346602c33a7d5125911cdc2c4dd08",
    "settings": {
      "fd_thres": 0.2,
      "testing": false
    },
    "software": "mriqc",
    "version": "22.0.0rc1",
    "webapi_port": null,
    "webapi_url": "https://mriqc.nimh.nih.gov/api/v1"
  },
  "size_t": 309,
  "size_x": 96,
  "size_y": 96,
  "size_z": 60,
  "snr": 2.778412282421754,
  "spacing_tr": 1.5,
  "spacing_x": 2.0,
  "spacing_y": 2.0,
  "spacing_z": 2.0,
  "summary_bg_k": 119.52991909184747,
  "summary_bg_mad": 5.273071969694893,
  "summary_bg_mean": 37.957191467285156,
  "summary_bg_median": 23.715211868286133,
  "summary_bg_n": 357013.0,
  "summary_bg_p05": 19.177993774414062,
  "summary_bg_p95": 101.41683349609352,
  "summary_bg_stdv": 51.41851806640625,
  "summary_fg_k": 1.317338079807116,
  "summary_fg_mad": 183.37728061167618,
  "summary_fg_mean": 546.0888061523438,
  "summary_fg_median": 523.7637939453125,
  "summary_fg_n": 116011.0,
  "summary_fg_p05": 288.58253479003906,
  "summary_fg_p95": 883.1699523925781,
  "summary_fg_stdv": 188.51109313964844,
  "tsnr": 35.81406178185716
}