{
  "aor": 0.0005577891156462586,
  "aqi": 0.010185927482993197,
  "bids_meta": {
    "AcquisitionMatrixPE": 96,
    "BandwidthPerPixelPhaseEncode": 20.425,
    "BaseResolution": 96,
    "BodyPartExamined": "BRAIN",
    "ConsistencyInfo": "N4_VE11C_LATEST_20160120",
    "ConversionSoftware": "dcm2niix",
    "ConversionSoftwareVersion": "v1.0.20180328 GCC6.3.0",
    "DerivedVendorReportedEchoSpacing": 0.000509996,
    "DeviceSerialNumber": "66018",
    "DwellTime": 2.1e-06,
    "EchoTime": 0.031,
    "EchoTrainLength": 96,
    "EffectiveEchoSpacing": 0.000509996,
    "FlipAngle": 67,
    "ImageOrientationPatientDICOM": [
      1,
      0,
      0,
      0,
      1,
      0
    ],
    "ImageType": [
      "ORIGINAL",
      "PRIMARY",
      "M",
      "ND",
      "NORM",
      "MOSAIC"
    ],
    "InPlanePhaseEncodingDirectionDICOM": "COL",
    "InstitutionAddress": "Washington Rd, Princeton, NJ 08540, USA",
    "InstitutionName": "Princeton University",
    "InstitutionalDepartmentName": "Princeton Neuroscience Institute",
    "MRAcquisitionType": "2D",
    "MagneticFieldStrength": 3,
    "Manufacturer": "Siemens",
    "ManufacturersModelName": "Prisma",
    "Modality": "MR",
    "MultibandAccelerationFactor": 3,
    "NumberOfVolumesDiscardedByScanner": 3,
    "PartialFourier": 1,
    "PatientPosition": "HFS",
    "PercentPhaseFOV": 100,
    "PhaseEncodingDirection": "j-",
    "PhaseEncodingSteps": 96,
    "PhaseResolution": 1,
    "PixelBandwidth": 2480,
    "ProcedureStepDescription": "Hasson_Nastase_042518_Storyteller",
    "ProtocolName": "func_task-pieman",
    "PulseSequenceDetails": "%SiemensSeq%_ep2d_bold",
    "ReceiveCoilActiveElements": "HC1-7;NC1",
    "ReceiveCoilName": "HeadNeck_64",
    "ReconMatrixPE": 96,
    "RepetitionTime": 1.5,
    "SAR": 0.0448341,
    "ScanOptions": "FS",
    "ScanningSequence": "EP",
    "SequenceName": "_epfid2d1_96",
    "SequenceVariant": "SK",
    "SeriesDescription": "func_task-pieman",
    "SeriesNumber": 9,
    "ShimSetting": [
      749,
      504,
      2016,
      833,
      -47,
      86,
      278,
      21
    ],
    "SliceThickness": 2.5,
    "SliceTiming": [
      1.11,
      0,
      0.74,
      0.0925,
      0.8325,
      0.185,
      0.925,
      0.2775,
      1.0175,
      0.4625,
      1.2025,
      0.555,
      1.295,
      0.6475,
      1.3875,
      0.37,
      1.11,
      0,
      0.74,
      0.0925,
      0.8325,
      0.185,
      0.925,
      0.2775,
      1.0175,
      0.4625,
      1.2025,
      0.555,
      1.295,
      0.6475,
      1.3875,
      0.37,
      1.11,
      0,
      0.74,
      0.0925,
      0.8325,
      0.185,
      0.925,
      0.2775,
      1.0175,
      0.4625,
      1.2025,
      0.555,
      1.295,
      0.6475,
      1.3875,
      0.37
    ],
    "SoftwareVersions": "syngo_MR_E11",
    "SpacingBetweenSlices": 2.5,
    "StationName": "AWP66018",
    "TaskDescription": "Passively listened to audio story 'piemanpni'",
    "TaskName": "piemanpni",
    "TotalReadoutTime": 0.0484496,
    "TxRefAmp": 265.935,
    "dataset": "ds002345",
    "modality": "bold",
    "subject_id": "275",
    "task_id": "piemanpni"
  },
  "dummy_trs": 0,
  "dvars_nstd": 32.03242218648464,
  "dvars_std": 1.333906151296928,
  "dvars_vstd": 0.9967027227986343,
  "efc": 0.5019652321685764,
  "fber": 3812.18798828125,
  "fd_mean": 0.12592714375227068,
  "fd_num": 22,
  "fd_perc": 7.482993197278912,
  "fwhm_avg": 1.8543773333333335,
  "fwhm_x": 1.756212,
  "fwhm_y": 2.003976,
  "fwhm_z": 1.802944,
  "gcor": 0.00978962,
  "gsr_x": -0.007201139349490404,
  "gsr_y": 0.035393938422203064,
  "provenance": {
    "md5sum": "3b59581858ca979c5e2228a43775ac3e",
    "settings": {
      "fd_thres": 0.2,
      "testing": false
    },
    "software": "mriqc",
    "version": "22.0.0rc1",
    "webapi_port": null,
    "webapi_url": "https://mriqc.nimh.nih.gov/api/v1"
  },
  "size_t": 294,
  "size_x": 96,
  "size_y": 96,
  "size_z": 48,
  "snr": 6.179622694689606,
  "spacing_tr": 1.5,
  "spacing_x": 2.5,
  "spacing_y": 2.5,
  "spacing_z": 2.5,
  "summary_bg_k": 42.32615278810693,
  "summary_bg_mad": 7.450832029439408,
  "summary_bg_mean": 33.37604522705078,
  "summary_bg_median": 11.607142448425293,
  "summary_bg_n": 294048.0,
  "summary_bg_p05": 5.156462669372559,
  "summary_bg_p95": 149.97839279174792,
  "summary_bg_stdv": 63.39036178588867,
  "summary_fg_k": 2.2686259829082935,
  "summary_fg_mad": 106.26830112981736,
  "summary_fg_mean": 727.3518676757812,
  "summary_fg_median": 725.1343383789062,
  "summary_fg_n": 83788.0,
  "summary_fg_p05": 557.8447021484375,
  "summary_fg_p95": 913.9431854248046,
  "summary_fg_stdv": 117.34211730957031,
  "tsnr": 59.45051152841188
}