{
  "aor": 0.00213099025974026,
  "aqi": 0.019566092743506496,
  "bids_meta": {
    "CogAtlasID": "https://www.cognitiveatlas.org/task/id/trm_4c8991fadfe01",
    "DeviceSerialNumber": "45031",
    "DwellTime": 4.9e-06,
    "EchoTime": 0.028,
    "EffectiveEchoSpacing": 0.000355001,
    "FlipAngle": 64,
    "InstitutionAddress": "Washington Rd, Princeton, NJ 08540, USA",
    "InstitutionName": "Princeton University",
    "InstitutionalDepartmentName": "Princeton Neuroscience Institute",
    "MagneticFieldStrength": 3,
    "Manufacturer": "Siemens",
    "ManufacturersModelName": "Skyra",
    "NumberOfVolumesDiscardedByScanner": 3,
    "ParallelReductionFactorInPlane": 2,
    "ParallelReductionType": "GRAPPA",
    "PartialFourier": 1,
    "PhaseEncodingDirection": "j-",
    "PixelBandwidth": 1595,
    "PulseSequenceDetails": "%SiemensSeq%_ep2d_bold",
    "PulseSequenceType": "Gradient Echo EPI",
    "ReceiveCoilActiveElements": "HE1-4",
    "ReceiveCoilName": "HeadNeck_20",
    "RepetitionTime": 1.5,
    "ScanOptions": "FS",
    "ScanningSequence": "EP",
    "SequenceName": "_epfid2d1_64",
    "SequenceVariant": "SK",
    "SliceTiming": [
      0,
      0.7675,
      0.055,
      0.8225,
      0.1075,
      0.875,
      0.1625,
      0.93,
      0.2175,
      0.985,
      0.2725,
      1.04,
      0.3275,
      1.095,
      0.3825,
      1.15,
      0.4375,
      1.205,
      0.4925,
      1.26,
      0.5475,
      1.315,
      0.6025,
      1.37,
      0.6575,
      1.425,
      0.7125
    ],
    "SoftwareVersions": "syngo_MR_D13",
    "StationName": "AWP45031",
    "TaskDescription": "Passively listened to audio story 'merlin'",
    "TaskName": "merlin",
    "TotalReadoutTime": 0.022365,
    "dataset": "ds002345",
    "modality": "bold",
    "subject_id": "158",
    "task_id": "merlin"
  },
  "dummy_trs": 0,
  "dvars_nstd": 28.373613469170746,
  "dvars_std": 1.2146938515121952,
  "dvars_vstd": 1.007583220813008,
  "efc": 0.6155061185932332,
  "fber": 1516.745849609375,
  "fd_mean": 0.27140275365493105,
  "fd_num": 347,
  "fd_perc": 56.33116883116883,
  "fwhm_avg": 1.70506781976709,
  "fwhm_x": 1.5850434593012699,
  "fwhm_y": 1.9593299999999998,
  "fwhm_z": 1.57083,
  "gcor": 0.04397,
  "gsr_x": -0.004573462065309286,
  "gsr_y": 0.03845597803592682,
  "provenance": {
    "md5sum": "0387ae37c7d69f699845b13e439e0dc2",
    "settings": {
      "fd_thres": 0.2,
      "testing": false
    },
    "software": "mriqc",
    "version": "22.0.0rc1",
    "webapi_port": null,
    "webapi_url": "https://mriqc.nimh.nih.gov/api/v1"
  },
  "size_t": 616,
  "size_x": 64,
  "size_y": 64,
  "size_z": 27,
  "snr": 7.6324624396088705,
  "spacing_tr": 1.5,
  "spacing_x": 2.999999761581421,
  "spacing_y": 3.0,
  "spacing_z": 4.0,
  "summary_bg_k": 17.750447735417634,
  "summary_bg_mad": 11.894514281316058,
  "summary_bg_mean": 39.4410285949707,
  "summary_bg_median": 16.743507385253906,
  "summary_bg_n": 51479.0,
  "summary_bg_p05": 7.481818246841431,
  "summary_bg_p95": 150.1060104370116,
  "summary_bg_stdv": 61.044212341308594,
  "summary_fg_k": 1.989768915871415,
  "summary_fg_mad": 89.42668557226416,
  "summary_fg_mean": 692.9671020507812,
  "summary_fg_median": 687.6258544921875,
  "summary_fg_n": 30466.0,
  "summary_fg_p05": 565.6809997558594,
  "summary_fg_p95": 839.3632354736328,
  "summary_fg_stdv": 90.09078979492188,
  "tsnr": 48.356170249171555
}