{
  "aor": 0.006026299999999998,
  "aqi": 0.015072064233333335,
  "bids_meta": {
    "CogAtlasID": "https://www.cognitiveatlas.org/task/id/trm_4c8991fadfe01",
    "DeviceSerialNumber": "45031",
    "DwellTime": 5.4e-06,
    "EchoTime": 0.028,
    "EffectiveEchoSpacing": 0.000390001,
    "FlipAngle": 64,
    "InstitutionAddress": "Washington Rd, Princeton, NJ 08540, USA",
    "InstitutionName": "Princeton University",
    "InstitutionalDepartmentName": "Princeton Neuroscience Institute",
    "MagneticFieldStrength": 3,
    "Manufacturer": "Siemens",
    "ManufacturersModelName": "Skyra",
    "NumberOfVolumesDiscardedByScanner": 3,
    "ParallelReductionFactorInPlane": 2,
    "ParallelReductionType": "GRAPPA",
    "PartialFourier": 1,
    "PhaseEncodingDirection": "j-",
    "PixelBandwidth": 1445,
    "PulseSequenceDetails": "%SiemensSeq%_ep2d_bold",
    "PulseSequenceType": "Gradient Echo EPI",
    "ReceiveCoilActiveElements": "HE1-4",
    "ReceiveCoilName": "HeadNeck_20",
    "RepetitionTime": 1.5,
    "ScanOptions": "FS",
    "ScanningSequence": "EP",
    "SequenceName": "_epfid2d1_64",
    "SequenceVariant": "SK",
    "SliceTiming": [
      0,
      0.7775,
      0.055,
      0.8325,
      0.11,
      0.89,
      0.1675,
      0.945,
      0.2225,
      1,
      0.2775,
      1.055,
      0.3325,
      1.11,
      0.39,
      1.1675,
      0.445,
      1.2225,
      0.5,
      1.2775,
      0.555,
      1.3325,
      0.61,
      1.3875,
      0.6675,
      1.445,
      0.7225
    ],
    "SoftwareVersions": "syngo_MR_D11",
    "StationName": "AWP45031",
    "TaskDescription": "Passively listened to audio story 'pieman'",
    "TaskName": "pieman",
    "TotalReadoutTime": 0.0245701,
    "dataset": "ds002345",
    "modality": "bold",
    "subject_id": "075",
    "task_id": "pieman"
  },
  "dummy_trs": 0,
  "dvars_nstd": 22.704357577859522,
  "dvars_std": 1.1408593097324407,
  "dvars_vstd": 1.0136918909699009,
  "efc": 0.5868571003213666,
  "fber": 2326.501708984375,
  "fd_mean": 0.27422919472307966,
  "fd_num": 150,
  "fd_perc": 50.0,
  "fwhm_avg": 1.8004508333333333,
  "fwhm_x": 1.75945,
  "fwhm_y": 2.04721,
  "fwhm_z": 1.5946925,
  "gcor": 0.0356212,
  "gsr_x": -0.008007694967091084,
  "gsr_y": 0.026966677978634834,
  "provenance": {
    "md5sum": "936242feacb7753e6d1e3c48580572fe",
    "settings": {
      "fd_thres": 0.2,
      "testing": false
    },
    "software": "mriqc",
    "version": "21.0.0rc2",
    "webapi_port": null,
    "webapi_url": "https://mriqc.nimh.nih.gov/api/v1"
  },
  "size_t": 300,
  "size_x": 64,
  "size_y": 64,
  "size_z": 27,
  "snr": 7.444940997099589,
  "spacing_tr": 1.5,
  "spacing_x": 3.0,
  "spacing_y": 3.0,
  "spacing_z": 4.0,
  "summary_bg_k": 27.785001071239947,
  "summary_bg_mad": 10.664852392052325,
  "summary_bg_mean": 35.8697509765625,
  "summary_bg_median": 15.570000648498535,
  "summary_bg_n": 54192.0,
  "summary_bg_p05": 6.75,
  "summary_bg_p95": 128.11133499145495,
  "summary_bg_stdv": 60.13349914550781,
  "summary_fg_k": 2.452592182213462,
  "summary_fg_mad": 98.35338249304245,
  "summary_fg_mean": 790.6749267578125,
  "summary_fg_median": 784.8883056640625,
  "summary_fg_n": 28008.0,
  "summary_fg_p05": 639.8573364257812,
  "summary_fg_p95": 961.7807037353515,
  "summary_fg_stdv": 105.42384338378906,
  "tsnr": 54.05799498595297
}