{
  "aor": 0.0008176640926640926,
  "aqi": 0.0036808512355212355,
  "bids_meta": {
    "CogAtlasID": "https://www.cognitiveatlas.org/task/id/trm_4c8991fadfe01",
    "DeviceSerialNumber": "66018",
    "DwellTime": 4.2e-06,
    "EchoTime": 0.039,
    "EffectiveEchoSpacing": 0.000929976,
    "FlipAngle": 50,
    "InstitutionAddress": "Washington Rd, Princeton, NJ 08540, USA",
    "InstitutionName": "Princeton University",
    "InstitutionalDepartmentName": "Princeton Neuroscience Institute",
    "MagneticFieldStrength": 3,
    "Manufacturer": "Siemens",
    "ManufacturersModelName": "Prisma",
    "NumberOfVolumesDiscardedByScanner": 3,
    "ParallelReductionType": "GRAPPA",
    "PartialFourier": 0.75,
    "PhaseEncodingDirection": "j-",
    "PixelBandwidth": 1240,
    "PulseSequenceDetails": "%CustomerSeq%_ep2d_bold_sms_mgh_v22",
    "PulseSequenceType": "Gradient Echo EPI",
    "ReceiveCoilActiveElements": "HC1-7;NC1,2",
    "ReceiveCoilName": "HeadNeck_64",
    "RepetitionTime": 1.5,
    "ScanOptions": "PFP_FS",
    "ScanningSequence": "EP",
    "SequenceName": "epfSM2d1_96",
    "SequenceVariant": "SK",
    "SliceTiming": [
      0.6925,
      0,
      0.79,
      0.1,
      0.8875,
      0.1975,
      0.9875,
      0.2975,
      1.085,
      0.395,
      1.185,
      0.495,
      1.2825,
      0.5925,
      1.3825,
      0.6925,
      0,
      0.79,
      0.1,
      0.8875,
      0.1975,
      0.9875,
      0.2975,
      1.085,
      0.395,
      1.185,
      0.495,
      1.2825,
      0.5925,
      1.3825,
      0.6925,
      0,
      0.79,
      0.1,
      0.8875,
      0.1975,
      0.9875,
      0.2975,
      1.085,
      0.395,
      1.185,
      0.495,
      1.2825,
      0.5925,
      1.3825,
      0.6925,
      0,
      0.79,
      0.1,
      0.8875,
      0.1975,
      0.9875,
      0.2975,
      1.085,
      0.395,
      1.185,
      0.495,
      1.2825,
      0.5925,
      1.3825
    ],
    "SoftwareVersions": "syngo_MR_D13D",
    "StationName": "AWP66018",
    "TaskDescription": "Passively listened to audio story 'schema'",
    "TaskName": "schema",
    "TotalReadoutTime": 0.0883478,
    "dataset": "ds002345",
    "modality": "bold",
    "run_id": 3,
    "subject_id": "075",
    "task_id": "schema"
  },
  "dummy_trs": 1,
  "dvars_nstd": 29.771230243810464,
  "dvars_std": 1.1368639591682779,
  "dvars_vstd": 1.0065839717601548,
  "efc": 0.5569802535442172,
  "fber": 421.7708740234375,
  "fd_mean": 0.10420609032952198,
  "fd_num": 7,
  "fd_perc": 1.3513513513513513,
  "fwhm_avg": 3.1958466666666667,
  "fwhm_x": 3.076985,
  "fwhm_y": 3.262685,
  "fwhm_z": 3.24787,
  "gcor": 0.0171519,
  "gsr_x": -0.004600586835294962,
  "gsr_y": 0.050911493599414825,
  "provenance": {
    "md5sum": "74937c9a88f0c136698e1a7421b07f20",
    "settings": {
      "fd_thres": 0.2,
      "testing": false
    },
    "software": "mriqc",
    "version": "21.0.0rc2",
    "webapi_port": null,
    "webapi_url": "https://mriqc.nimh.nih.gov/api/v1"
  },
  "size_t": 518,
  "size_x": 96,
  "size_y": 96,
  "size_z": 60,
  "snr": 2.0068994759631837,
  "spacing_tr": 1.5,
  "spacing_x": 2.0,
  "spacing_y": 2.0,
  "spacing_z": 2.0,
  "summary_bg_k": 42.56023634814467,
  "summary_bg_mad": 9.001513065521253,
  "summary_bg_mean": 49.55229568481445,
  "summary_bg_median": 27.783782958984375,
  "summary_bg_n": 326509.0,
  "summary_bg_p05": 20.5733585357666,
  "summary_bg_p95": 156.3285644531249,
  "summary_bg_stdv": 62.494773864746094,
  "summary_fg_k": 3.3561068893569272,
  "summary_fg_mad": 252.88385163508096,
  "summary_fg_mean": 646.9948120117188,
  "summary_fg_median": 587.3687133789062,
  "summary_fg_n": 142061.0,
  "summary_fg_p05": 302.8397521972656,
  "summary_fg_p95": 1201.7393798828125,
  "summary_fg_stdv": 292.6736755371094,
  "tsnr": 50.36693879915401
}