{
  "aor": 0.0018916083916083917,
  "aqi": 0.013048235541958043,
  "bids_meta": {
    "AcquisitionMatrixPE": 96,
    "BandwidthPerPixelPhaseEncode": 20.425,
    "BaseResolution": 96,
    "BodyPartExamined": "BRAIN",
    "ConsistencyInfo": "N4_VE11C_LATEST_20160120",
    "ConversionSoftware": "dcm2niix",
    "ConversionSoftwareVersion": "v1.0.20180328 GCC6.3.0",
    "DerivedVendorReportedEchoSpacing": 0.000509996,
    "DeviceSerialNumber": "66018",
    "DwellTime": 2.1e-06,
    "EchoTime": 0.031,
    "EchoTrainLength": 96,
    "EffectiveEchoSpacing": 0.000509996,
    "FlipAngle": 67,
    "ImageOrientationPatientDICOM": [
      1,
      0,
      0,
      0,
      1,
      0
    ],
    "ImageType": [
      "ORIGINAL",
      "PRIMARY",
      "M",
      "ND",
      "NORM",
      "MOSAIC"
    ],
    "InPlanePhaseEncodingDirectionDICOM": "COL",
    "InstitutionAddress": "Washington Rd, Princeton, NJ 08540, USA",
    "InstitutionName": "Princeton University",
    "InstitutionalDepartmentName": "Princeton Neuroscience Institute",
    "MRAcquisitionType": "2D",
    "MagneticFieldStrength": 3,
    "Manufacturer": "Siemens",
    "ManufacturersModelName": "Prisma",
    "Modality": "MR",
    "MultibandAccelerationFactor": 3,
    "NumberOfVolumesDiscardedByScanner": 3,
    "PartialFourier": 1,
    "PatientPosition": "HFS",
    "PercentPhaseFOV": 100,
    "PhaseEncodingDirection": "j-",
    "PhaseEncodingSteps": 96,
    "PhaseResolution": 1,
    "PixelBandwidth": 2480,
    "ProcedureStepDescription": "Hasson_Nastase_042518_Storyteller",
    "ProtocolName": "func_task-forgot",
    "PulseSequenceDetails": "%SiemensSeq%_ep2d_bold",
    "ReceiveCoilActiveElements": "HC1-7;NC1,2",
    "ReceiveCoilName": "HeadNeck_64",
    "ReconMatrixPE": 96,
    "RepetitionTime": 1.5,
    "SAR": 0.0433408,
    "ScanOptions": "FS",
    "ScanningSequence": "EP",
    "SequenceName": "_epfid2d1_96",
    "SequenceVariant": "SK",
    "SeriesDescription": "func_task-forgot",
    "SeriesNumber": 10,
    "ShimSetting": [
      748,
      508,
      2151,
      725,
      -143,
      220,
      298,
      53
    ],
    "SliceThickness": 2.5,
    "SliceTiming": [
      1.11,
      0,
      0.74,
      0.0925,
      0.8325,
      0.185,
      0.925,
      0.2775,
      1.0175,
      0.4625,
      1.2025,
      0.555,
      1.295,
      0.6475,
      1.3875,
      0.37,
      1.11,
      0,
      0.74,
      0.0925,
      0.8325,
      0.185,
      0.925,
      0.2775,
      1.0175,
      0.4625,
      1.2025,
      0.555,
      1.295,
      0.6475,
      1.3875,
      0.37,
      1.11,
      0,
      0.74,
      0.0925,
      0.8325,
      0.185,
      0.925,
      0.2775,
      1.0175,
      0.4625,
      1.2025,
      0.555,
      1.295,
      0.6475,
      1.3875,
      0.37
    ],
    "SoftwareVersions": "syngo_MR_E11",
    "SpacingBetweenSlices": 2.5,
    "StationName": "AWP66018",
    "TaskDescription": "Passively listened to audio story 'forgot'",
    "TaskName": "forgot",
    "TotalReadoutTime": 0.0484496,
    "TxRefAmp": 217.565,
    "dataset": "ds002345",
    "modality": "bold",
    "subject_id": "295",
    "task_id": "forgot"
  },
  "dummy_trs": 2,
  "dvars_nstd": 35.821045192364295,
  "dvars_std": 1.3911230780910677,
  "dvars_vstd": 1.0163265665849373,
  "efc": 0.4512756800102951,
  "fber": 3591.436279296875,
  "fd_mean": 0.17002023329378277,
  "fd_num": 145,
  "fd_perc": 25.34965034965035,
  "fwhm_avg": 1.9643146666666667,
  "fwhm_x": 1.8511520000000001,
  "fwhm_y": 2.064356,
  "fwhm_z": 1.9774360000000002,
  "gcor": 0.0277895,
  "gsr_x": -0.019489169120788574,
  "gsr_y": 0.019690869376063347,
  "provenance": {
    "md5sum": "e3fd1307320b71e71ae7d1498813914c",
    "settings": {
      "fd_thres": 0.2,
      "testing": false
    },
    "software": "mriqc",
    "version": "22.0.0rc1",
    "webapi_port": null,
    "webapi_url": "https://mriqc.nimh.nih.gov/api/v1"
  },
  "size_t": 572,
  "size_x": 96,
  "size_y": 96,
  "size_z": 48,
  "snr": 6.2180163088141285,
  "spacing_tr": 1.5,
  "spacing_x": 2.5,
  "spacing_y": 2.5,
  "spacing_z": 2.5,
  "summary_bg_k": 39.09892288352882,
  "summary_bg_mad": 6.757244345979855,
  "summary_bg_mean": 24.451156616210938,
  "summary_bg_median": 11.711538314819336,
  "summary_bg_n": 313456.0,
  "summary_bg_p05": 5.428321838378906,
  "summary_bg_p95": 85.4624137878418,
  "summary_bg_stdv": 46.22682189941406,
  "summary_fg_k": 2.0707554098929055,
  "summary_fg_mad": 108.51378652722381,
  "summary_fg_mean": 707.3807373046875,
  "summary_fg_median": 704.0856323242188,
  "summary_fg_n": 67660.0,
  "summary_fg_p05": 546.753042602539,
  "summary_fg_p95": 887.8999298095702,
  "summary_fg_stdv": 113.2323226928711,
  "tsnr": 52.53011457296088
}