{
  "aor": 0.0009076410256410256,
  "aqi": 0.009075578025641027,
  "bids_meta": {
    "AcquisitionMatrixPE": 96,
    "BandwidthPerPixelPhaseEncode": 20.425,
    "BaseResolution": 96,
    "BodyPartExamined": "BRAIN",
    "ConsistencyInfo": "N4_VE11C_LATEST_20160120",
    "ConversionSoftware": "dcm2niix",
    "ConversionSoftwareVersion": "v1.0.20180328 GCC6.3.0",
    "DerivedVendorReportedEchoSpacing": 0.000509996,
    "DeviceSerialNumber": "66018",
    "DwellTime": 2.1e-06,
    "EchoTime": 0.031,
    "EchoTrainLength": 96,
    "EffectiveEchoSpacing": 0.000509996,
    "FlipAngle": 67,
    "ImageOrientationPatientDICOM": [
      1,
      0,
      0,
      0,
      1,
      0
    ],
    "ImageType": [
      "ORIGINAL",
      "PRIMARY",
      "M",
      "ND",
      "NORM",
      "MOSAIC"
    ],
    "InPlanePhaseEncodingDirectionDICOM": "COL",
    "InstitutionAddress": "Washington Rd, Princeton, NJ 08540, USA",
    "InstitutionName": "Princeton University",
    "InstitutionalDepartmentName": "Princeton Neuroscience Institute",
    "MRAcquisitionType": "2D",
    "MagneticFieldStrength": 3,
    "Manufacturer": "Siemens",
    "ManufacturersModelName": "Prisma",
    "Modality": "MR",
    "MultibandAccelerationFactor": 3,
    "NumberOfVolumesDiscardedByScanner": 3,
    "PartialFourier": 1,
    "PatientPosition": "HFS",
    "PercentPhaseFOV": 100,
    "PhaseEncodingDirection": "j-",
    "PhaseEncodingSteps": 96,
    "PhaseResolution": 1,
    "PixelBandwidth": 2480,
    "ProcedureStepDescription": "Hasson_Nastase_042518_Storyteller",
    "ProtocolName": "func_task-bronx",
    "PulseSequenceDetails": "%SiemensSeq%_ep2d_bold",
    "ReceiveCoilActiveElements": "HC1-7;NC1,2",
    "ReceiveCoilName": "HeadNeck_64",
    "ReconMatrixPE": 96,
    "RepetitionTime": 1.5,
    "SAR": 0.0433151,
    "ScanOptions": "FS",
    "ScanningSequence": "EP",
    "SequenceName": "_epfid2d1_96",
    "SequenceVariant": "SK",
    "SeriesDescription": "func_task-bronx",
    "SeriesNumber": 8,
    "ShimSetting": [
      748,
      508,
      2151,
      725,
      -143,
      220,
      298,
      53
    ],
    "SliceThickness": 2.5,
    "SliceTiming": [
      1.11,
      0,
      0.74,
      0.0925,
      0.8325,
      0.185,
      0.925,
      0.2775,
      1.0175,
      0.4625,
      1.2025,
      0.555,
      1.295,
      0.6475,
      1.3875,
      0.37,
      1.11,
      0,
      0.74,
      0.0925,
      0.8325,
      0.185,
      0.925,
      0.2775,
      1.0175,
      0.4625,
      1.2025,
      0.555,
      1.295,
      0.6475,
      1.3875,
      0.37,
      1.11,
      0,
      0.74,
      0.0925,
      0.8325,
      0.185,
      0.925,
      0.2775,
      1.0175,
      0.4625,
      1.2025,
      0.555,
      1.295,
      0.6475,
      1.3875,
      0.37
    ],
    "SoftwareVersions": "syngo_MR_E11",
    "SpacingBetweenSlices": 2.5,
    "StationName": "AWP66018",
    "TaskDescription": "Passively listened to audio story 'bronx'",
    "TaskName": "bronx",
    "TotalReadoutTime": 0.0484496,
    "TxRefAmp": 217.565,
    "dataset": "ds002345",
    "modality": "bold",
    "subject_id": "295",
    "task_id": "bronx"
  },
  "dummy_trs": 0,
  "dvars_nstd": 35.623495063059124,
  "dvars_std": 1.4471973955526996,
  "dvars_vstd": 1.006947356838046,
  "efc": 0.4505119437091161,
  "fber": 3658.863037109375,
  "fd_mean": 0.1085443622900356,
  "fd_num": 26,
  "fd_perc": 6.666666666666667,
  "fwhm_avg": 1.9555426666666669,
  "fwhm_x": 1.852612,
  "fwhm_y": 2.055496,
  "fwhm_z": 1.95852,
  "gcor": 0.0284137,
  "gsr_x": -0.019550291821360588,
  "gsr_y": 0.020295169204473495,
  "provenance": {
    "md5sum": "e3834c4a1d1497510c1bd232f53a2411",
    "settings": {
      "fd_thres": 0.2,
      "testing": false
    },
    "software": "mriqc",
    "version": "22.0.0rc1",
    "webapi_port": null,
    "webapi_url": "https://mriqc.nimh.nih.gov/api/v1"
  },
  "size_t": 390,
  "size_x": 96,
  "size_y": 96,
  "size_z": 48,
  "snr": 6.141117586458402,
  "spacing_tr": 1.5,
  "spacing_x": 2.5,
  "spacing_y": 2.5,
  "spacing_z": 2.5,
  "summary_bg_k": 42.845014881948266,
  "summary_bg_mad": 6.7249327470128755,
  "summary_bg_mean": 24.379966735839844,
  "summary_bg_median": 11.60769271850586,
  "summary_bg_n": 313536.0,
  "summary_bg_p05": 5.405128479003906,
  "summary_bg_p95": 84.15705108642578,
  "summary_bg_stdv": 47.0947380065918,
  "summary_fg_k": 2.1250991481065213,
  "summary_fg_mad": 109.40091365424527,
  "summary_fg_mean": 707.7619018554688,
  "summary_fg_median": 704.2589721679688,
  "summary_fg_n": 67583.0,
  "summary_fg_p05": 545.5325561523438,
  "summary_fg_p95": 890.6390014648437,
  "summary_fg_stdv": 114.67843627929688,
  "tsnr": 60.960121909854934
}