{
  "aor": 0.0005248955091151623,
  "aqi": 0.034341840373499334,
  "bids_meta": {
    "CogAtlasID": "https://www.cognitiveatlas.org/task/id/trm_4c8991fadfe01",
    "DeviceSerialNumber": "45031",
    "DwellTime": 4.9e-06,
    "EchoTime": 0.028,
    "EffectiveEchoSpacing": 0.000355001,
    "FlipAngle": 64,
    "InstitutionAddress": "Washington Rd, Princeton, NJ 08540, USA",
    "InstitutionName": "Princeton University",
    "InstitutionalDepartmentName": "Princeton Neuroscience Institute",
    "MagneticFieldStrength": 3,
    "Manufacturer": "Siemens",
    "ManufacturersModelName": "Skyra",
    "NumberOfVolumesDiscardedByScanner": 3,
    "ParallelReductionFactorInPlane": 2,
    "ParallelReductionType": "GRAPPA",
    "PartialFourier": 1,
    "PhaseEncodingDirection": "j-",
    "PixelBandwidth": 1595,
    "PulseSequenceDetails": "%SiemensSeq%_ep2d_bold",
    "PulseSequenceType": "Gradient Echo EPI",
    "ReceiveCoilActiveElements": "HE1-4",
    "ReceiveCoilName": "HeadNeck_20",
    "RepetitionTime": 1.5,
    "ScanOptions": "FS",
    "ScanningSequence": "EP",
    "SequenceName": "_epfid2d1_64",
    "SequenceVariant": "SK",
    "SliceTiming": [
      0,
      0.7675,
      0.055,
      0.8225,
      0.11,
      0.8775,
      0.165,
      0.9325,
      0.22,
      0.9875,
      0.275,
      1.0425,
      0.33,
      1.0975,
      0.385,
      1.1525,
      0.44,
      1.2075,
      0.495,
      1.2625,
      0.55,
      1.315,
      0.6025,
      1.37,
      0.6575,
      1.425,
      0.7125
    ],
    "SoftwareVersions": "syngo_MR_E11",
    "StationName": "AWP45031",
    "TaskDescription": "Passively listened to audio story '21styear'",
    "TaskName": "21styear",
    "TotalReadoutTime": 0.022365,
    "dataset": "ds002345",
    "modality": "bold",
    "subject_id": "266",
    "task_id": "21styear"
  },
  "dummy_trs": 0,
  "dvars_nstd": 28.375670939555146,
  "dvars_std": 0.9672131564991092,
  "dvars_vstd": 0.8863621543994652,
  "efc": 0.5886545819127749,
  "fber": 1681.0804443359375,
  "fd_mean": 0.3979782427997172,
  "fd_num": 1247,
  "fd_perc": 55.44686527345487,
  "fwhm_avg": 1.7538061404430554,
  "fwhm_x": 1.7636533333333333,
  "fwhm_y": 2.02144,
  "fwhm_z": 1.4763250879958325,
  "gcor": 0.0176396,
  "gsr_x": 0.004142867401242256,
  "gsr_y": 0.0433991402387619,
  "provenance": {
    "md5sum": "254067acc17ed3d4ef43384cbc7b800e",
    "settings": {
      "fd_thres": 0.2,
      "testing": false
    },
    "software": "mriqc",
    "version": "22.0.0rc1",
    "webapi_port": null,
    "webapi_url": "https://mriqc.nimh.nih.gov/api/v1"
  },
  "size_t": 2249,
  "size_x": 64,
  "size_y": 64,
  "size_z": 27,
  "snr": 6.479376130642212,
  "spacing_tr": 1.5,
  "spacing_x": 3.0,
  "spacing_y": 3.0,
  "spacing_z": 3.999999761581421,
  "summary_bg_k": 30.441353569203308,
  "summary_bg_mad": 11.257295332831522,
  "summary_bg_mean": 39.877891540527344,
  "summary_bg_median": 15.336593627929688,
  "summary_bg_n": 55098.0,
  "summary_bg_p05": 6.351200604438782,
  "summary_bg_p95": 155.1575630187987,
  "summary_bg_stdv": 67.50936126708984,
  "summary_fg_k": 1.987438010706465,
  "summary_fg_mad": 94.0918512688485,
  "summary_fg_mean": 651.2536010742188,
  "summary_fg_median": 641.0606689453125,
  "summary_fg_n": 26406.0,
  "summary_fg_p05": 516.3400115966797,
  "summary_fg_p95": 819.4367370605469,
  "summary_fg_stdv": 98.936767578125,
  "tsnr": 30.903661437740084
}