{
  "aor": 0.00044233333333333326,
  "aqi": 0.011568387466666668,
  "bids_meta": {
    "CogAtlasID": "https://www.cognitiveatlas.org/task/id/trm_4c8991fadfe01",
    "DeviceSerialNumber": "45031",
    "DwellTime": 5.4e-06,
    "EchoTime": 0.028,
    "EffectiveEchoSpacing": 0.000390001,
    "FlipAngle": 64,
    "InstitutionAddress": "Washington Rd, Princeton, NJ 08540, USA",
    "InstitutionName": "Princeton University",
    "InstitutionalDepartmentName": "Princeton Neuroscience Institute",
    "MagneticFieldStrength": 3,
    "Manufacturer": "Siemens",
    "ManufacturersModelName": "Skyra",
    "NumberOfVolumesDiscardedByScanner": 3,
    "ParallelReductionFactorInPlane": 2,
    "ParallelReductionType": "GRAPPA",
    "PartialFourier": 1,
    "PhaseEncodingDirection": "j-",
    "PixelBandwidth": 1445,
    "PulseSequenceDetails": "%SiemensSeq%_ep2d_bold",
    "PulseSequenceType": "Gradient Echo EPI",
    "ReceiveCoilActiveElements": "HE1-4",
    "ReceiveCoilName": "HeadNeck_20",
    "RepetitionTime": 1.5,
    "ScanOptions": "FS",
    "ScanningSequence": "EP",
    "SequenceName": "_epfid2d1_64",
    "SequenceVariant": "SK",
    "SliceTiming": [
      0,
      0.7775,
      0.055,
      0.8325,
      0.11,
      0.89,
      0.1675,
      0.945,
      0.2225,
      1,
      0.2775,
      1.055,
      0.3325,
      1.11,
      0.39,
      1.1675,
      0.445,
      1.2225,
      0.5,
      1.2775,
      0.555,
      1.3325,
      0.61,
      1.3875,
      0.6675,
      1.445,
      0.7225
    ],
    "SoftwareVersions": "syngo_MR_D11",
    "StationName": "AWP45031",
    "TaskDescription": "Passively listened to audio story 'pieman'",
    "TaskName": "pieman",
    "TotalReadoutTime": 0.0245701,
    "dataset": "ds002345",
    "modality": "bold",
    "subject_id": "023",
    "task_id": "pieman"
  },
  "dummy_trs": 0,
  "dvars_nstd": 20.10958089802676,
  "dvars_std": 1.0518203844147163,
  "dvars_vstd": 0.9421643288294321,
  "efc": 0.5610338609170622,
  "fber": 2499.380126953125,
  "fd_mean": 0.16699484233775805,
  "fd_num": 94,
  "fd_perc": 31.333333333333332,
  "fwhm_avg": 1.7591719444444445,
  "fwhm_x": 1.7069033333333332,
  "fwhm_y": 1.97969,
  "fwhm_z": 1.5909225,
  "gcor": 0.0209898,
  "gsr_x": -0.008470098488032818,
  "gsr_y": 0.032291583716869354,
  "provenance": {
    "md5sum": "490acb35b6927bfae60bb7e749f5f124",
    "settings": {
      "fd_thres": 0.2,
      "testing": false
    },
    "software": "mriqc",
    "version": "21.0.0rc2",
    "webapi_port": null,
    "webapi_url": "https://mriqc.nimh.nih.gov/api/v1"
  },
  "size_t": 300,
  "size_x": 64,
  "size_y": 64,
  "size_z": 27,
  "snr": 7.086549350834839,
  "spacing_tr": 1.5,
  "spacing_x": 3.0,
  "spacing_y": 3.0,
  "spacing_z": 4.0,
  "summary_bg_k": 33.5224822453391,
  "summary_bg_mad": 7.99616811595831,
  "summary_bg_mean": 31.992582321166992,
  "summary_bg_median": 13.636667251586914,
  "summary_bg_n": 57441.0,
  "summary_bg_p05": 6.913333415985107,
  "summary_bg_p95": 108.77667236328125,
  "summary_bg_stdv": 58.428131103515625,
  "summary_fg_k": 1.9687302820866144,
  "summary_fg_mad": 94.62954794745936,
  "summary_fg_mean": 719.7416381835938,
  "summary_fg_median": 711.17333984375,
  "summary_fg_n": 24901.0,
  "summary_fg_p05": 581.336669921875,
  "summary_fg_p95": 889.5466918945312,
  "summary_fg_stdv": 100.35336303710938,
  "tsnr": 62.86096146143973
}