{
  "aor": 0.0007159259259259258,
  "aqi": 0.006307370606060607,
  "bids_meta": {
    "CogAtlasID": "https://www.cognitiveatlas.org/task/id/trm_4c8991fadfe01",
    "DeviceSerialNumber": "45031",
    "DwellTime": 5.4e-06,
    "EchoTime": 0.028,
    "EffectiveEchoSpacing": 0.000390001,
    "FlipAngle": 64,
    "InstitutionAddress": "Washington Rd, Princeton, NJ 08540, USA",
    "InstitutionName": "Princeton University",
    "InstitutionalDepartmentName": "Princeton Neuroscience Institute",
    "MagneticFieldStrength": 3,
    "Manufacturer": "Siemens",
    "ManufacturersModelName": "Skyra",
    "NumberOfVolumesDiscardedByScanner": 3,
    "ParallelReductionFactorInPlane": 2,
    "ParallelReductionType": "GRAPPA",
    "PartialFourier": 1,
    "PhaseEncodingDirection": "j-",
    "PixelBandwidth": 1445,
    "PulseSequenceDetails": "%SiemensSeq%_ep2d_bold",
    "PulseSequenceType": "Gradient Echo EPI",
    "ReceiveCoilActiveElements": "HE1-4",
    "ReceiveCoilName": "HeadNeck_20",
    "RepetitionTime": 1.5,
    "ScanOptions": "FS",
    "ScanningSequence": "EP",
    "SequenceName": "_epfid2d1_64",
    "SequenceVariant": "SK",
    "SliceTiming": [
      0,
      0.7775,
      0.055,
      0.8325,
      0.11,
      0.8875,
      0.165,
      0.9425,
      0.22,
      0.9975,
      0.2775,
      1.055,
      0.3325,
      1.11,
      0.3875,
      1.165,
      0.4425,
      1.22,
      0.5,
      1.2775,
      0.555,
      1.3325,
      0.61,
      1.3875,
      0.665,
      1.4425,
      0.72
    ],
    "SoftwareVersions": "syngo_MR_D11",
    "StationName": "AWP45031",
    "TaskDescription": "Passively listened to audio story 'milkyway'",
    "TaskName": "milkyway",
    "TotalReadoutTime": 0.0245701,
    "dataset": "ds002345",
    "modality": "bold",
    "subject_id": "023",
    "task_id": "milkyway"
  },
  "dummy_trs": 0,
  "dvars_nstd": 20.30812894989864,
  "dvars_std": 1.1519805727702703,
  "dvars_vstd": 1.0046675931756757,
  "efc": 0.5605483796924441,
  "fber": 2162.5556640625,
  "fd_mean": 0.13417142145325675,
  "fd_num": 49,
  "fd_perc": 16.4983164983165,
  "fwhm_avg": 1.6980508679258657,
  "fwhm_x": 1.6601466666666667,
  "fwhm_y": 1.9040166666666665,
  "fwhm_z": 1.5299892704442641,
  "gcor": 0.0559018,
  "gsr_x": -0.011957325972616673,
  "gsr_y": 0.04497501254081726,
  "provenance": {
    "md5sum": "84b38aed20edd06a9d73b496683b40b8",
    "settings": {
      "fd_thres": 0.2,
      "testing": false
    },
    "software": "mriqc",
    "version": "21.0.0rc2",
    "webapi_port": null,
    "webapi_url": "https://mriqc.nimh.nih.gov/api/v1"
  },
  "size_t": 297,
  "size_x": 64,
  "size_y": 64,
  "size_z": 27,
  "snr": 7.708464148682918,
  "spacing_tr": 1.5,
  "spacing_x": 3.0,
  "spacing_y": 3.0,
  "spacing_z": 4.000001907348633,
  "summary_bg_k": 30.41429059009429,
  "summary_bg_mad": 9.04537002544939,
  "summary_bg_mean": 33.23713302612305,
  "summary_bg_median": 14.565656661987305,
  "summary_bg_n": 58219.0,
  "summary_bg_p05": 6.794612407684326,
  "summary_bg_p95": 119.15387115478508,
  "summary_bg_stdv": 55.7164306640625,
  "summary_fg_k": 3.0726637273402666,
  "summary_fg_mad": 81.76776557294971,
  "summary_fg_mean": 707.577392578125,
  "summary_fg_median": 700.2188110351562,
  "summary_fg_n": 24480.0,
  "summary_fg_p05": 583.3935852050781,
  "summary_fg_p95": 857.8085510253907,
  "summary_fg_stdv": 90.83580017089844,
  "tsnr": 79.12726537557319
}