{
  "aor": 0.0023036178861788616,
  "aqi": 0.014330478556910569,
  "bids_meta": {
    "CogAtlasID": "https://www.cognitiveatlas.org/task/id/trm_4c8991fadfe01",
    "DeviceSerialNumber": "66018",
    "DwellTime": 4.2e-06,
    "EchoTime": 0.039,
    "EffectiveEchoSpacing": 0.000929976,
    "FlipAngle": 50,
    "InstitutionAddress": "Washington Rd, Princeton, NJ 08540, USA",
    "InstitutionName": "Princeton University",
    "InstitutionalDepartmentName": "Princeton Neuroscience Institute",
    "MagneticFieldStrength": 3,
    "Manufacturer": "Siemens",
    "ManufacturersModelName": "Prisma",
    "NumberOfVolumesDiscardedByScanner": 3,
    "ParallelReductionType": "GRAPPA",
    "PartialFourier": 0.75,
    "PhaseEncodingDirection": "j-",
    "PixelBandwidth": 1240,
    "PulseSequenceDetails": "%CustomerSeq%_ep2d_bold_sms_mgh_v22",
    "PulseSequenceType": "Gradient Echo EPI",
    "ReceiveCoilActiveElements": "HC1-7;NC1,2",
    "ReceiveCoilName": "HeadNeck_64",
    "RepetitionTime": 1.5,
    "ScanOptions": "PFP_FS",
    "ScanningSequence": "EP",
    "SequenceName": "epfSM2d1_96",
    "SequenceVariant": "SK",
    "SliceTiming": [
      0.6925,
      0,
      0.79,
      0.1,
      0.8875,
      0.1975,
      0.9875,
      0.2975,
      1.085,
      0.395,
      1.185,
      0.495,
      1.2825,
      0.5925,
      1.3825,
      0.6925,
      0,
      0.79,
      0.1,
      0.8875,
      0.1975,
      0.9875,
      0.2975,
      1.085,
      0.395,
      1.185,
      0.495,
      1.2825,
      0.5925,
      1.3825,
      0.6925,
      0,
      0.79,
      0.1,
      0.8875,
      0.1975,
      0.9875,
      0.2975,
      1.085,
      0.395,
      1.185,
      0.495,
      1.2825,
      0.5925,
      1.3825,
      0.6925,
      0,
      0.79,
      0.1,
      0.8875,
      0.1975,
      0.9875,
      0.2975,
      1.085,
      0.395,
      1.185,
      0.495,
      1.2825,
      0.5925,
      1.3825
    ],
    "SoftwareVersions": "syngo_MR_D13D",
    "StationName": "AWP66018",
    "TaskDescription": "Passively listened to audio story 'schema'",
    "TaskName": "schema",
    "TotalReadoutTime": 0.0883478,
    "dataset": "ds002345",
    "modality": "bold",
    "run_id": 1,
    "subject_id": "190",
    "task_id": "schema"
  },
  "dummy_trs": 1,
  "dvars_nstd": 50.05664044623219,
  "dvars_std": 1.3121134727291253,
  "dvars_vstd": 1.0130514468024427,
  "efc": 0.5758480735553747,
  "fber": 295.7137145996094,
  "fd_mean": 0.14640963151870703,
  "fd_num": 71,
  "fd_perc": 14.43089430894309,
  "fwhm_avg": 2.811996666666667,
  "fwhm_x": 2.457795,
  "fwhm_y": 3.16459,
  "fwhm_z": 2.813605,
  "gcor": 0.0116239,
  "gsr_x": -0.010109136812388897,
  "gsr_y": 0.05707702413201332,
  "provenance": {
    "md5sum": "029024225383c6b2c9b1def9b3fcd1ad",
    "settings": {
      "fd_thres": 0.2,
      "testing": false
    },
    "software": "mriqc",
    "version": "22.0.0rc1",
    "webapi_port": null,
    "webapi_url": "https://mriqc.nimh.nih.gov/api/v1"
  },
  "size_t": 492,
  "size_x": 96,
  "size_y": 96,
  "size_z": 60,
  "snr": 2.77132761960331,
  "spacing_tr": 1.5,
  "spacing_x": 2.0,
  "spacing_y": 2.0,
  "spacing_z": 2.0,
  "summary_bg_k": 93.94395296099708,
  "summary_bg_mad": 5.391004180465609,
  "summary_bg_mean": 35.12024688720703,
  "summary_bg_median": 23.25609588623047,
  "summary_bg_n": 338514.0,
  "summary_bg_p05": 18.495933532714844,
  "summary_bg_p95": 88.69176559448238,
  "summary_bg_stdv": 39.91162109375,
  "summary_fg_k": 2.4935742012890314,
  "summary_fg_mad": 127.94825926357314,
  "summary_fg_mean": 431.39666748046875,
  "summary_fg_median": 411.98675537109375,
  "summary_fg_n": 128412.0,
  "summary_fg_p05": 231.90781326293944,
  "summary_fg_p95": 693.8358581542968,
  "summary_fg_stdv": 148.65985107421875,
  "tsnr": 32.373210464953445
}