{
  "aor": 0.0012904771371769386,
  "aqi": 0.019749198608349897,
  "bids_meta": {
    "CogAtlasID": "https://www.cognitiveatlas.org/task/id/trm_4c8991fadfe01",
    "DeviceSerialNumber": "66018",
    "DwellTime": 4.2e-06,
    "EchoTime": 0.039,
    "EffectiveEchoSpacing": 0.000929976,
    "FlipAngle": 50,
    "InstitutionAddress": "Washington Rd, Princeton, NJ 08540, USA",
    "InstitutionName": "Princeton University",
    "InstitutionalDepartmentName": "Princeton Neuroscience Institute",
    "MagneticFieldStrength": 3,
    "Manufacturer": "Siemens",
    "ManufacturersModelName": "Prisma",
    "NumberOfVolumesDiscardedByScanner": 3,
    "ParallelReductionType": "GRAPPA",
    "PartialFourier": 0.75,
    "PhaseEncodingDirection": "j-",
    "PixelBandwidth": 1240,
    "PulseSequenceDetails": "%CustomerSeq%_ep2d_bold_sms_mgh_v22",
    "PulseSequenceType": "Gradient Echo EPI",
    "ReceiveCoilActiveElements": "HC1-7;NC1,2",
    "ReceiveCoilName": "HeadNeck_64",
    "RepetitionTime": 1.5,
    "ScanOptions": "PFP_FS",
    "ScanningSequence": "EP",
    "SequenceName": "epfSM2d1_96",
    "SequenceVariant": "SK",
    "SliceTiming": [
      0.6925,
      0,
      0.79,
      0.1,
      0.8875,
      0.1975,
      0.9875,
      0.2975,
      1.085,
      0.395,
      1.185,
      0.495,
      1.2825,
      0.5925,
      1.3825,
      0.6925,
      0,
      0.79,
      0.1,
      0.8875,
      0.1975,
      0.9875,
      0.2975,
      1.085,
      0.395,
      1.185,
      0.495,
      1.2825,
      0.5925,
      1.3825,
      0.6925,
      0,
      0.79,
      0.1,
      0.8875,
      0.1975,
      0.9875,
      0.2975,
      1.085,
      0.395,
      1.185,
      0.495,
      1.2825,
      0.5925,
      1.3825,
      0.6925,
      0,
      0.79,
      0.1,
      0.8875,
      0.1975,
      0.9875,
      0.2975,
      1.085,
      0.395,
      1.185,
      0.495,
      1.2825,
      0.5925,
      1.3825
    ],
    "SoftwareVersions": "syngo_MR_D13D",
    "StationName": "AWP66018",
    "TaskDescription": "Passively listened to audio story 'schema'",
    "TaskName": "schema",
    "TotalReadoutTime": 0.0883478,
    "dataset": "ds002345",
    "modality": "bold",
    "run_id": 2,
    "subject_id": "190",
    "task_id": "schema"
  },
  "dummy_trs": 0,
  "dvars_nstd": 49.27044034095618,
  "dvars_std": 1.2174929324900396,
  "dvars_vstd": 0.9759476292629474,
  "efc": 0.5780524054866801,
  "fber": 264.4884033203125,
  "fd_mean": 0.1792196954989594,
  "fd_num": 116,
  "fd_perc": 23.061630218687874,
  "fwhm_avg": 2.863656666666667,
  "fwhm_x": 2.492955,
  "fwhm_y": 3.209255,
  "fwhm_z": 2.88876,
  "gcor": 0.00953279,
  "gsr_x": -0.00825486984103918,
  "gsr_y": 0.054008081555366516,
  "provenance": {
    "md5sum": "86c842031fb75b26db83471d1c7d398e",
    "settings": {
      "fd_thres": 0.2,
      "testing": false
    },
    "software": "mriqc",
    "version": "22.0.0rc1",
    "webapi_port": null,
    "webapi_url": "https://mriqc.nimh.nih.gov/api/v1"
  },
  "size_t": 503,
  "size_x": 96,
  "size_y": 96,
  "size_z": 60,
  "snr": 2.7361183003969245,
  "spacing_tr": 1.5,
  "spacing_x": 2.0,
  "spacing_y": 2.0,
  "spacing_z": 2.0,
  "summary_bg_k": 100.3271805590945,
  "summary_bg_mad": 5.441119148796672,
  "summary_bg_mean": 36.27009201049805,
  "summary_bg_median": 24.578527450561523,
  "summary_bg_n": 339611.0,
  "summary_bg_p05": 19.8608341217041,
  "summary_bg_p95": 88.34293746948242,
  "summary_bg_stdv": 40.26287841796875,
  "summary_fg_k": 3.3672999430131725,
  "summary_fg_mad": 127.42126312892823,
  "summary_fg_mean": 430.9224853515625,
  "summary_fg_median": 411.4711608886719,
  "summary_fg_n": 127643.0,
  "summary_fg_p05": 230.9644012451172,
  "summary_fg_p95": 693.0520568847655,
  "summary_fg_stdv": 150.38441467285156,
  "tsnr": 28.76451385981636
}