{
  "aor": 0.0005120645161290322,
  "aqi": 0.00920975906451613,
  "bids_meta": {
    "CogAtlasID": "https://www.cognitiveatlas.org/task/id/trm_4c8991fadfe01",
    "DeviceSerialNumber": "66018",
    "DwellTime": 4.2e-06,
    "EchoTime": 0.039,
    "EffectiveEchoSpacing": 0.000929976,
    "FlipAngle": 50,
    "InstitutionAddress": "Washington Rd, Princeton, NJ 08540, USA",
    "InstitutionName": "Princeton University",
    "InstitutionalDepartmentName": "Princeton Neuroscience Institute",
    "MagneticFieldStrength": 3,
    "Manufacturer": "Siemens",
    "ManufacturersModelName": "Prisma",
    "NumberOfVolumesDiscardedByScanner": 3,
    "ParallelReductionType": "GRAPPA",
    "PartialFourier": 0.75,
    "PhaseEncodingDirection": "j-",
    "PixelBandwidth": 1240,
    "PulseSequenceDetails": "%CustomerSeq%_ep2d_bold_sms_mgh_v22",
    "PulseSequenceType": "Gradient Echo EPI",
    "ReceiveCoilActiveElements": "HC1-7;NC1,2",
    "ReceiveCoilName": "HeadNeck_64",
    "RepetitionTime": 1.5,
    "ScanOptions": "PFP_FS",
    "ScanningSequence": "EP",
    "SequenceName": "epfSM2d1_96",
    "SequenceVariant": "SK",
    "SliceTiming": [
      0.6925,
      0,
      0.79,
      0.1,
      0.8875,
      0.1975,
      0.9875,
      0.2975,
      1.085,
      0.395,
      1.185,
      0.495,
      1.2825,
      0.5925,
      1.3825,
      0.6925,
      0,
      0.79,
      0.1,
      0.8875,
      0.1975,
      0.9875,
      0.2975,
      1.085,
      0.395,
      1.185,
      0.495,
      1.2825,
      0.5925,
      1.3825,
      0.6925,
      0,
      0.79,
      0.1,
      0.8875,
      0.1975,
      0.9875,
      0.2975,
      1.085,
      0.395,
      1.185,
      0.495,
      1.2825,
      0.5925,
      1.3825,
      0.6925,
      0,
      0.79,
      0.1,
      0.8875,
      0.1975,
      0.9875,
      0.2975,
      1.085,
      0.395,
      1.185,
      0.495,
      1.2825,
      0.5925,
      1.3825
    ],
    "SoftwareVersions": "syngo_MR_D13D",
    "StationName": "AWP66018",
    "TaskDescription": "Passively listened to audio story 'shapessocial'",
    "TaskName": "shapessocial",
    "TotalReadoutTime": 0.0883478,
    "dataset": "ds002345",
    "modality": "bold",
    "subject_id": "190",
    "task_id": "shapessocial"
  },
  "dummy_trs": 0,
  "dvars_nstd": 50.46251389601942,
  "dvars_std": 1.3486218132038834,
  "dvars_vstd": 0.9938260290291254,
  "efc": 0.5655853416957871,
  "fber": 326.5485534667969,
  "fd_mean": 0.1115449116063612,
  "fd_num": 11,
  "fd_perc": 3.5483870967741935,
  "fwhm_avg": 2.9502233333333336,
  "fwhm_x": 2.65358,
  "fwhm_y": 3.233715,
  "fwhm_z": 2.963375,
  "gcor": 0.0107084,
  "gsr_x": -0.008577566593885422,
  "gsr_y": 0.04465790465474129,
  "provenance": {
    "md5sum": "e6846cd33d8b73ef777674b5c4859dc2",
    "settings": {
      "fd_thres": 0.2,
      "testing": false
    },
    "software": "mriqc",
    "version": "22.0.6",
    "webapi_port": null,
    "webapi_url": "https://mriqc.nimh.nih.gov/api/v1"
  },
  "size_t": 310,
  "size_x": 96,
  "size_y": 96,
  "size_z": 60,
  "snr": 2.4972601304949555,
  "spacing_tr": 1.5,
  "spacing_x": 2.0,
  "spacing_y": 2.0,
  "spacing_z": 2.0,
  "summary_bg_k": 38.927952726626614,
  "summary_bg_mad": 5.026498520669556,
  "summary_bg_mean": 34.4952392578125,
  "summary_bg_median": 23.619354248046875,
  "summary_bg_n": 336206.0,
  "summary_bg_p05": 19.216129302978516,
  "summary_bg_p95": 87.70967864990234,
  "summary_bg_stdv": 31.856660842895508,
  "summary_fg_k": 2.9480029237120364,
  "summary_fg_mad": 150.6945616687443,
  "summary_fg_mean": 464.7043762207031,
  "summary_fg_median": 442.5096740722656,
  "summary_fg_n": 129955.0,
  "summary_fg_p05": 226.3151611328125,
  "summary_fg_p95": 773.542901611328,
  "summary_fg_stdv": 177.1973876953125,
  "tsnr": 40.668650392326526
}