{
  "aor": 0.0019938492063492066,
  "aqi": 0.020511165317460316,
  "bids_meta": {
    "CogAtlasID": "https://www.cognitiveatlas.org/task/id/trm_4c8991fadfe01",
    "DeviceSerialNumber": "66018",
    "DwellTime": 4.2e-06,
    "EchoTime": 0.039,
    "EffectiveEchoSpacing": 0.000929976,
    "FlipAngle": 50,
    "InstitutionAddress": "Washington Rd, Princeton, NJ 08540, USA",
    "InstitutionName": "Princeton University",
    "InstitutionalDepartmentName": "Princeton Neuroscience Institute",
    "MagneticFieldStrength": 3,
    "Manufacturer": "Siemens",
    "ManufacturersModelName": "Prisma",
    "NumberOfVolumesDiscardedByScanner": 3,
    "ParallelReductionType": "GRAPPA",
    "PartialFourier": 0.75,
    "PhaseEncodingDirection": "j-",
    "PixelBandwidth": 1240,
    "PulseSequenceDetails": "%CustomerSeq%_ep2d_bold_sms_mgh_v22",
    "PulseSequenceType": "Gradient Echo EPI",
    "ReceiveCoilActiveElements": "HC1-7;NC1,2",
    "ReceiveCoilName": "HeadNeck_64",
    "RepetitionTime": 1.5,
    "ScanOptions": "PFP_FS",
    "ScanningSequence": "EP",
    "SequenceName": "epfSM2d1_96",
    "SequenceVariant": "SK",
    "SliceTiming": [
      0.6925,
      0,
      0.79,
      0.1,
      0.8875,
      0.1975,
      0.9875,
      0.2975,
      1.085,
      0.395,
      1.185,
      0.495,
      1.2825,
      0.5925,
      1.3825,
      0.6925,
      0,
      0.79,
      0.1,
      0.8875,
      0.1975,
      0.9875,
      0.2975,
      1.085,
      0.395,
      1.185,
      0.495,
      1.2825,
      0.5925,
      1.3825,
      0.6925,
      0,
      0.79,
      0.1,
      0.8875,
      0.1975,
      0.9875,
      0.2975,
      1.085,
      0.395,
      1.185,
      0.495,
      1.2825,
      0.5925,
      1.3825,
      0.6925,
      0,
      0.79,
      0.1,
      0.8875,
      0.1975,
      0.9875,
      0.2975,
      1.085,
      0.395,
      1.185,
      0.495,
      1.2825,
      0.5925,
      1.3825
    ],
    "SoftwareVersions": "syngo_MR_D13D",
    "StationName": "AWP66018",
    "TaskDescription": "Passively listened to audio story 'schema'",
    "TaskName": "schema",
    "TotalReadoutTime": 0.0883478,
    "dataset": "ds002345",
    "modality": "bold",
    "run_id": 4,
    "subject_id": "190",
    "task_id": "schema"
  },
  "dummy_trs": 0,
  "dvars_nstd": 54.453323364373745,
  "dvars_std": 1.2805947806560634,
  "dvars_vstd": 1.0001771222862816,
  "efc": 0.5804204111743627,
  "fber": 247.5831298828125,
  "fd_mean": 0.24795894336906546,
  "fd_num": 234,
  "fd_perc": 46.42857142857143,
  "fwhm_avg": 2.8502566666666667,
  "fwhm_x": 2.45128,
  "fwhm_y": 3.21901,
  "fwhm_z": 2.88048,
  "gcor": 0.0227797,
  "gsr_x": -0.008621600456535816,
  "gsr_y": 0.05254331976175308,
  "provenance": {
    "md5sum": "a7a139b933410fb300cb804bbf3a6927",
    "settings": {
      "fd_thres": 0.2,
      "testing": false
    },
    "software": "mriqc",
    "version": "22.0.0rc1",
    "webapi_port": null,
    "webapi_url": "https://mriqc.nimh.nih.gov/api/v1"
  },
  "size_t": 504,
  "size_x": 96,
  "size_y": 96,
  "size_z": 60,
  "snr": 2.7495824909897624,
  "spacing_tr": 1.5,
  "spacing_x": 2.0,
  "spacing_y": 2.0,
  "spacing_z": 2.0,
  "summary_bg_k": 94.62899222484795,
  "summary_bg_mad": 5.774501609097654,
  "summary_bg_mean": 36.80859375,
  "summary_bg_median": 25.341270446777344,
  "summary_bg_n": 339758.0,
  "summary_bg_p05": 20.216270446777344,
  "summary_bg_p95": 90.15506744384759,
  "summary_bg_stdv": 39.42819595336914,
  "summary_fg_k": 3.129256632892969,
  "summary_fg_mad": 125.73290732190169,
  "summary_fg_mean": 428.9927978515625,
  "summary_fg_median": 410.2460632324219,
  "summary_fg_n": 127472.0,
  "summary_fg_p05": 228.95834350585938,
  "summary_fg_p95": 689.8708648681641,
  "summary_fg_stdv": 149.20245361328125,
  "tsnr": 27.1356338262558
}