{
  "aor": 0.0010440232108317215,
  "aqi": 0.018524322050290132,
  "bids_meta": {
    "CogAtlasID": "https://www.cognitiveatlas.org/task/id/trm_4c8991fadfe01",
    "DeviceSerialNumber": "66018",
    "DwellTime": 4.2e-06,
    "EchoTime": 0.039,
    "EffectiveEchoSpacing": 0.000929976,
    "FlipAngle": 50,
    "InstitutionAddress": "Washington Rd, Princeton, NJ 08540, USA",
    "InstitutionName": "Princeton University",
    "InstitutionalDepartmentName": "Princeton Neuroscience Institute",
    "MagneticFieldStrength": 3,
    "Manufacturer": "Siemens",
    "ManufacturersModelName": "Prisma",
    "NumberOfVolumesDiscardedByScanner": 3,
    "ParallelReductionType": "GRAPPA",
    "PartialFourier": 0.75,
    "PhaseEncodingDirection": "j-",
    "PixelBandwidth": 1240,
    "PulseSequenceDetails": "%CustomerSeq%_ep2d_bold_sms_mgh_v22",
    "PulseSequenceType": "Gradient Echo EPI",
    "ReceiveCoilActiveElements": "HC1-7;NC1,2",
    "ReceiveCoilName": "HeadNeck_64",
    "RepetitionTime": 1.5,
    "ScanOptions": "PFP_FS",
    "ScanningSequence": "EP",
    "SequenceName": "epfSM2d1_96",
    "SequenceVariant": "SK",
    "SliceTiming": [
      0.6925,
      0,
      0.79,
      0.1,
      0.8875,
      0.1975,
      0.9875,
      0.2975,
      1.085,
      0.395,
      1.185,
      0.495,
      1.2825,
      0.5925,
      1.3825,
      0.6925,
      0,
      0.79,
      0.1,
      0.8875,
      0.1975,
      0.9875,
      0.2975,
      1.085,
      0.395,
      1.185,
      0.495,
      1.2825,
      0.5925,
      1.3825,
      0.6925,
      0,
      0.79,
      0.1,
      0.8875,
      0.1975,
      0.9875,
      0.2975,
      1.085,
      0.395,
      1.185,
      0.495,
      1.2825,
      0.5925,
      1.3825,
      0.6925,
      0,
      0.79,
      0.1,
      0.8875,
      0.1975,
      0.9875,
      0.2975,
      1.085,
      0.395,
      1.185,
      0.495,
      1.2825,
      0.5925,
      1.3825
    ],
    "SoftwareVersions": "syngo_MR_D13D",
    "StationName": "AWP66018",
    "TaskDescription": "Passively listened to audio story 'schema'",
    "TaskName": "schema",
    "TotalReadoutTime": 0.0883478,
    "dataset": "ds002345",
    "modality": "bold",
    "run_id": 3,
    "subject_id": "190",
    "task_id": "schema"
  },
  "dummy_trs": 1,
  "dvars_nstd": 50.213673014961266,
  "dvars_std": 1.24214512624031,
  "dvars_vstd": 0.9777806637790699,
  "efc": 0.5791542238442338,
  "fber": 246.4617919921875,
  "fd_mean": 0.1975343215064232,
  "fd_num": 179,
  "fd_perc": 34.622823984526114,
  "fwhm_avg": 2.858081666666667,
  "fwhm_x": 2.47054,
  "fwhm_y": 3.20901,
  "fwhm_z": 2.894695,
  "gcor": 0.0169291,
  "gsr_x": -0.008223410695791245,
  "gsr_y": 0.05296291410923004,
  "provenance": {
    "md5sum": "0c44fcd9dd1bd61dad330d66ebf9415d",
    "settings": {
      "fd_thres": 0.2,
      "testing": false
    },
    "software": "mriqc",
    "version": "22.0.0rc1",
    "webapi_port": null,
    "webapi_url": "https://mriqc.nimh.nih.gov/api/v1"
  },
  "size_t": 517,
  "size_x": 96,
  "size_y": 96,
  "size_z": 60,
  "snr": 2.7166088222880993,
  "spacing_tr": 1.5,
  "spacing_x": 2.0,
  "spacing_y": 2.0,
  "spacing_z": 2.0,
  "summary_bg_k": 104.76560883579575,
  "summary_bg_mad": 5.6579776623055436,
  "summary_bg_mean": 37.11688995361328,
  "summary_bg_median": 25.537717819213867,
  "summary_bg_n": 340104.0,
  "summary_bg_p05": 20.4506778717041,
  "summary_bg_p95": 90.35783386230469,
  "summary_bg_stdv": 40.29811477661133,
  "summary_fg_k": 3.722419467247054,
  "summary_fg_mad": 127.45501621898576,
  "summary_fg_mean": 432.6658935546875,
  "summary_fg_median": 412.8897705078125,
  "summary_fg_n": 127081.0,
  "summary_fg_p05": 231.5299835205078,
  "summary_fg_p95": 697.9478149414062,
  "summary_fg_stdv": 151.98660278320312,
  "tsnr": 29.400443189428188
}