{
  "bids_meta": {
    "DeviceSerialNumber": "45031",
    "DwellTime": 8.2e-06,
    "EchoTime": 0.00308,
    "FlipAngle": 9,
    "InstitutionAddress": "Washington Rd, Princeton, NJ 08540, USA",
    "InstitutionName": "Princeton University",
    "InstitutionalDepartmentName": "Princeton Neuroscience Institute",
    "InversionTime": 0.9,
    "MagneticFieldStrength": 3,
    "Manufacturer": "Siemens",
    "ManufacturersModelName": "Skyra",
    "ParallelReductionFactorInPlane": 2,
    "ParallelReductionType": "GRAPPA",
    "PartialFourier": 1,
    "PixelBandwidth": 240,
    "PulseSequenceDetails": "%SiemensSeq%_tfl",
    "PulseSequenceType": "MPRAGE",
    "ReceiveCoilActiveElements": "HE1-4",
    "ReceiveCoilName": "HeadNeck_20",
    "RepetitionTime": 2.3,
    "ScanOptions": "IR",
    "ScanningSequence": "GR_IR",
    "SequenceName": "_tfl3d1_16ns",
    "SequenceVariant": "SK_SP_MP",
    "SoftwareVersions": "syngo_MR_D11",
    "StationName": "AWP45031",
    "dataset": "ds002345",
    "modality": "T1w",
    "subject_id": "078"
  },
  "cjv": 0.4324124669718707,
  "cnr": 2.965000589198004,
  "efc": 0.676330158471165,
  "fber": 965.3265746178008,
  "fwhm_avg": 3.137482651182143,
  "fwhm_x": 3.202644317182793,
  "fwhm_y": 3.2166865454545452,
  "fwhm_z": 2.993117090909091,
  "icvs_csf": 0.16096032244424685,
  "icvs_gm": 0.4484986293261434,
  "icvs_wm": 0.3905410482296097,
  "inu_med": 1.2789580821990967,
  "inu_range": 0.45327456593513493,
  "provenance": {
    "md5sum": "107da9e6328c08d27c1069580fa872bb",
    "settings": {
      "testing": false
    },
    "software": "mriqc",
    "version": "21.0.0rc2",
    "warnings": {
      "large_rot_frame": true,
      "small_air_mask": false
    },
    "webapi_port": null,
    "webapi_url": "https://mriqc.nimh.nih.gov/api/v1"
  },
  "qi_1": 0.0,
  "qi_2": 0.004223758865693006,
  "rpve_csf": 15.377248297955926,
  "rpve_gm": 6.395423559290791,
  "rpve_wm": 8.543775348907852,
  "size_x": 192,
  "size_y": 240,
  "size_z": 167,
  "snr_csf": 2.3765058782419834,
  "snr_gm": 9.736645762868068,
  "snr_total": 9.589226604790523,
  "snr_wm": 16.65452817326152,
  "snrd_csf": 20.060224264590143,
  "snrd_gm": 36.36914585073717,
  "snrd_total": 35.829066907614056,
  "snrd_wm": 51.05783060751486,
  "spacing_x": 0.9000000357627869,
  "spacing_y": 0.859375,
  "spacing_z": 0.859375,
  "summary_bg_k": 713.7264105127576,
  "summary_bg_mad": 12.831261902453456,
  "summary_bg_mean": 23.68442779506215,
  "summary_bg_median": 20.132580995559692,
  "summary_bg_n": 1631071.0,
  "summary_bg_p05": 5.64694344997406,
  "summary_bg_p95": 50.6383515894413,
  "summary_bg_stdv": 21.382223578329786,
  "summary_csf_k": 22.32689294297429,
  "summary_csf_mad": 165.07736944007496,
  "summary_csf_mean": 399.6301682694001,
  "summary_csf_median": 392.89222851395607,
  "summary_csf_n": 13198.0,
  "summary_csf_p05": 184.56911906599998,
  "summary_csf_p95": 619.8748032748699,
  "summary_csf_stdv": 165.31721940701155,
  "summary_gm_k": 0.6510738291574465,
  "summary_gm_mad": 67.4323763809788,
  "summary_gm_mean": 716.0304200589691,
  "summary_gm_median": 712.312812358141,
  "summary_gm_n": 37346.0,
  "summary_gm_p05": 601.8905159831047,
  "summary_gm_p95": 844.2027008160949,
  "summary_gm_stdv": 73.1569467529236,
  "summary_wm_k": 0.500985284872665,
  "summary_wm_mad": 56.967162772594776,
  "summary_wm_mean": 1000.133324968151,
  "summary_wm_median": 1000.0000292062759,
  "summary_wm_n": 309721.0,
  "summary_wm_p05": 901.9764564931393,
  "summary_wm_p95": 1098.2691211998463,
  "summary_wm_stdv": 60.04363524715489,
  "tpm_overlap_csf": 0.17978337407112122,
  "tpm_overlap_gm": 0.45646756887435913,
  "tpm_overlap_wm": 0.510448694229126,
  "wm2max": 0.5213166246213952
}