{
  "aor": 0.001123326923076923,
  "aqi": 0.020283676855769234,
  "bids_meta": {
    "CogAtlasID": "https://www.cognitiveatlas.org/task/id/trm_4c8991fadfe01",
    "DeviceSerialNumber": "45031",
    "DwellTime": 5.4e-06,
    "EchoTime": 0.028,
    "EffectiveEchoSpacing": 0.000390001,
    "FlipAngle": 64,
    "InstitutionAddress": "Washington Rd, Princeton, NJ 08540, USA",
    "InstitutionName": "Princeton University",
    "InstitutionalDepartmentName": "Princeton Neuroscience Institute",
    "MagneticFieldStrength": 3,
    "Manufacturer": "Siemens",
    "ManufacturersModelName": "Skyra",
    "NumberOfVolumesDiscardedByScanner": 3,
    "ParallelReductionFactorInPlane": 2,
    "ParallelReductionType": "GRAPPA",
    "PartialFourier": 1,
    "PhaseEncodingDirection": "j-",
    "PixelBandwidth": 1445,
    "PulseSequenceDetails": "%SiemensSeq%_ep2d_bold",
    "PulseSequenceType": "Gradient Echo EPI",
    "ReceiveCoilActiveElements": "HE1-4",
    "ReceiveCoilName": "HeadNeck_20",
    "RepetitionTime": 1.5,
    "ScanOptions": "FS",
    "ScanningSequence": "EP",
    "SequenceName": "_epfid2d1_64",
    "SequenceVariant": "SK",
    "SliceTiming": [
      0,
      0.7775,
      0.055,
      0.8325,
      0.1125,
      0.89,
      0.1675,
      0.945,
      0.2225,
      1,
      0.2775,
      1.055,
      0.3325,
      1.11,
      0.39,
      1.1675,
      0.445,
      1.2225,
      0.5,
      1.2775,
      0.555,
      1.3325,
      0.6125,
      1.39,
      0.6675,
      1.445,
      0.7225
    ],
    "SoftwareVersions": "syngo_MR_D11",
    "StationName": "AWP45031",
    "TaskDescription": "Passively listened to audio story 'tunnel'",
    "TaskName": "tunnel",
    "TotalReadoutTime": 0.0245701,
    "dataset": "ds002345",
    "modality": "bold",
    "subject_id": "061",
    "task_id": "tunnel"
  },
  "dummy_trs": 0,
  "dvars_nstd": 22.00211372602503,
  "dvars_std": 1.2353735920885474,
  "dvars_vstd": 0.9528128188835414,
  "efc": 0.5791251796823125,
  "fber": 2542.505126953125,
  "fd_mean": 0.12558059885198108,
  "fd_num": 95,
  "fd_perc": 9.134615384615385,
  "fwhm_avg": 1.752844722222222,
  "fwhm_x": 1.69776,
  "fwhm_y": 2.0080966666666664,
  "fwhm_z": 1.5526775,
  "gcor": 0.0809459,
  "gsr_x": -0.0097636878490448,
  "gsr_y": 0.04064463824033737,
  "provenance": {
    "md5sum": "a55d6b04048ce3dfde119b5a4a21b0a5",
    "settings": {
      "fd_thres": 0.2,
      "testing": false
    },
    "software": "mriqc",
    "version": "21.0.0rc2",
    "webapi_port": null,
    "webapi_url": "https://mriqc.nimh.nih.gov/api/v1"
  },
  "size_t": 1040,
  "size_x": 64,
  "size_y": 64,
  "size_z": 27,
  "snr": 7.9612517505371825,
  "spacing_tr": 1.5,
  "spacing_x": 3.0,
  "spacing_y": 3.0,
  "spacing_z": 4.0,
  "summary_bg_k": 45.44052975869084,
  "summary_bg_mad": 10.368236791558273,
  "summary_bg_mean": 33.58443069458008,
  "summary_bg_median": 14.499038696289062,
  "summary_bg_n": 54837.0,
  "summary_bg_p05": 6.086538314819336,
  "summary_bg_p95": 112.40942535400372,
  "summary_bg_stdv": 61.290348052978516,
  "summary_fg_k": 3.098056237188442,
  "summary_fg_mad": 86.3922556288347,
  "summary_fg_mean": 766.0555419921875,
  "summary_fg_median": 760.1903686523438,
  "summary_fg_n": 27256.0,
  "summary_fg_p05": 633.1213836669922,
  "summary_fg_p95": 924.5194854736328,
  "summary_fg_stdv": 95.48453521728516,
  "tsnr": 47.894477603724226
}