{
  "aor": 0.000497568710359408,
  "aqi": 0.00915347866807611,
  "bids_meta": {
    "CogAtlasID": "https://www.cognitiveatlas.org/task/id/trm_4c8991fadfe01",
    "DeviceSerialNumber": "45031",
    "DwellTime": 5.4e-06,
    "EchoTime": 0.028,
    "EffectiveEchoSpacing": 0.000390001,
    "FlipAngle": 64,
    "InstitutionAddress": "Washington Rd, Princeton, NJ 08540, USA",
    "InstitutionName": "Princeton University",
    "InstitutionalDepartmentName": "Princeton Neuroscience Institute",
    "MagneticFieldStrength": 3,
    "Manufacturer": "Siemens",
    "ManufacturersModelName": "Skyra",
    "NumberOfVolumesDiscardedByScanner": 3,
    "ParallelReductionFactorInPlane": 2,
    "ParallelReductionType": "GRAPPA",
    "PartialFourier": 1,
    "PhaseEncodingDirection": "j-",
    "PixelBandwidth": 1445,
    "PulseSequenceDetails": "%SiemensSeq%_ep2d_bold",
    "PulseSequenceType": "Gradient Echo EPI",
    "ReceiveCoilActiveElements": "HE1-4",
    "ReceiveCoilName": "HeadNeck_20",
    "RepetitionTime": 1.5,
    "ScanOptions": "FS",
    "ScanningSequence": "EP",
    "SequenceName": "_epfid2d1_64",
    "SequenceVariant": "SK",
    "SliceTiming": [
      0,
      0.7775,
      0.055,
      0.8325,
      0.11,
      0.8875,
      0.165,
      0.9425,
      0.22,
      0.9975,
      0.2775,
      1.055,
      0.3325,
      1.11,
      0.3875,
      1.165,
      0.4425,
      1.22,
      0.5,
      1.2775,
      0.555,
      1.3325,
      0.61,
      1.3875,
      0.665,
      1.4425,
      0.72
    ],
    "SoftwareVersions": "syngo_MR_D11",
    "StationName": "AWP45031",
    "TaskDescription": "Passively listened to audio story 'prettymouth'",
    "TaskName": "prettymouth",
    "TotalReadoutTime": 0.0245701,
    "dataset": "ds002345",
    "modality": "bold",
    "subject_id": "100",
    "task_id": "prettymouth"
  },
  "dummy_trs": 2,
  "dvars_nstd": 20.761616739449156,
  "dvars_std": 1.162789729216101,
  "dvars_vstd": 0.987397952711865,
  "efc": 0.6200847501792114,
  "fber": 1237.107177734375,
  "fd_mean": 0.1273491190725716,
  "fd_num": 57,
  "fd_perc": 12.050739957716702,
  "fwhm_avg": 1.6339341666666665,
  "fwhm_x": 1.6301133333333333,
  "fwhm_y": 1.7788166666666667,
  "fwhm_z": 1.4928725,
  "gcor": 0.0443161,
  "gsr_x": -0.0005875895149074495,
  "gsr_y": 0.040639571845531464,
  "provenance": {
    "md5sum": "28e2e7c5f18f1dc72bffc921c31334f9",
    "settings": {
      "fd_thres": 0.2,
      "testing": false
    },
    "software": "mriqc",
    "version": "21.0.0rc2",
    "webapi_port": null,
    "webapi_url": "https://mriqc.nimh.nih.gov/api/v1"
  },
  "size_t": 473,
  "size_x": 64,
  "size_y": 64,
  "size_z": 27,
  "snr": 7.208502285582975,
  "spacing_tr": 1.5,
  "spacing_x": 3.0,
  "spacing_y": 3.0,
  "spacing_z": 4.0,
  "summary_bg_k": 24.29271645745903,
  "summary_bg_mad": 16.68789421241853,
  "summary_bg_mean": 48.755374908447266,
  "summary_bg_median": 20.854122161865234,
  "summary_bg_n": 51218.0,
  "summary_bg_p05": 7.754756927490234,
  "summary_bg_p95": 177.6259025573727,
  "summary_bg_stdv": 78.26193237304688,
  "summary_fg_k": 2.448187446139136,
  "summary_fg_mad": 98.29212018213374,
  "summary_fg_mean": 780.7921752929688,
  "summary_fg_median": 774.0105590820312,
  "summary_fg_n": 30886.0,
  "summary_fg_p05": 633.5766448974609,
  "summary_fg_p95": 957.0433044433594,
  "summary_fg_stdv": 107.37293243408203,
  "tsnr": 65.96912838052958
}