{
  "aor": 0.00046263513513513516,
  "aqi": 0.005523526317567568,
  "bids_meta": {
    "CogAtlasID": "https://www.cognitiveatlas.org/task/id/trm_4c8991fadfe01",
    "DeviceSerialNumber": "45031",
    "DwellTime": 5.4e-06,
    "EchoTime": 0.028,
    "EffectiveEchoSpacing": 0.000390001,
    "FlipAngle": 64,
    "InstitutionAddress": "Washington Rd, Princeton, NJ 08540, USA",
    "InstitutionName": "Princeton University",
    "InstitutionalDepartmentName": "Princeton Neuroscience Institute",
    "MagneticFieldStrength": 3,
    "Manufacturer": "Siemens",
    "ManufacturersModelName": "Skyra",
    "NumberOfVolumesDiscardedByScanner": 3,
    "ParallelReductionFactorInPlane": 2,
    "ParallelReductionType": "GRAPPA",
    "PartialFourier": 1,
    "PhaseEncodingDirection": "j-",
    "PixelBandwidth": 1445,
    "PulseSequenceDetails": "%SiemensSeq%_ep2d_bold",
    "PulseSequenceType": "Gradient Echo EPI",
    "ReceiveCoilActiveElements": "HE1-4",
    "ReceiveCoilName": "HeadNeck_20",
    "RepetitionTime": 1.5,
    "ScanOptions": "FS",
    "ScanningSequence": "EP",
    "SequenceName": "_epfid2d1_64",
    "SequenceVariant": "SK",
    "SliceTiming": [
      0,
      0.7775,
      0.055,
      0.8325,
      0.11,
      0.8875,
      0.165,
      0.9425,
      0.22,
      0.9975,
      0.2775,
      1.055,
      0.3325,
      1.11,
      0.3875,
      1.165,
      0.4425,
      1.22,
      0.5,
      1.2775,
      0.555,
      1.3325,
      0.61,
      1.3875,
      0.665,
      1.4425,
      0.72
    ],
    "SoftwareVersions": "syngo_MR_D11",
    "StationName": "AWP45031",
    "TaskDescription": "Passively listened to audio story 'milkyway'",
    "TaskName": "milkyway",
    "TotalReadoutTime": 0.0245701,
    "dataset": "ds002345",
    "modality": "bold",
    "subject_id": "100",
    "task_id": "milkyway"
  },
  "dummy_trs": 1,
  "dvars_nstd": 20.588543003016948,
  "dvars_std": 1.1898125869152536,
  "dvars_vstd": 0.9959598498305088,
  "efc": 0.6190182718275796,
  "fber": 1276.0672607421875,
  "fd_mean": 0.11826390229069567,
  "fd_num": 21,
  "fd_perc": 7.094594594594595,
  "fwhm_avg": 1.6387280555555555,
  "fwhm_x": 1.6325633333333334,
  "fwhm_y": 1.7844833333333332,
  "fwhm_z": 1.4991375,
  "gcor": 0.0319215,
  "gsr_x": -0.0006801967392675579,
  "gsr_y": 0.03971405699849129,
  "provenance": {
    "md5sum": "e26ac591579d37b731731af92babb9f7",
    "settings": {
      "fd_thres": 0.2,
      "testing": false
    },
    "software": "mriqc",
    "version": "21.0.0rc2",
    "webapi_port": null,
    "webapi_url": "https://mriqc.nimh.nih.gov/api/v1"
  },
  "size_t": 296,
  "size_x": 64,
  "size_y": 64,
  "size_z": 27,
  "snr": 7.194655893977449,
  "spacing_tr": 1.5,
  "spacing_x": 3.0,
  "spacing_y": 3.0,
  "spacing_z": 4.0,
  "summary_bg_k": 24.690175881029234,
  "summary_bg_mad": 16.143332953871795,
  "summary_bg_mean": 47.83395004272461,
  "summary_bg_median": 20.516891479492188,
  "summary_bg_n": 51231.0,
  "summary_bg_p05": 7.875,
  "summary_bg_p95": 175.06757354736328,
  "summary_bg_stdv": 76.58416748046875,
  "summary_fg_k": 2.323460244371411,
  "summary_fg_mad": 99.58482733499395,
  "summary_fg_mean": 781.6989135742188,
  "summary_fg_median": 774.608154296875,
  "summary_fg_n": 30893.0,
  "summary_fg_p05": 632.8912109375,
  "summary_fg_p95": 957.4182861328123,
  "summary_fg_stdv": 107.66263580322266,
  "tsnr": 81.10933283809572
}