{
  "aor": 0.0011210967741935485,
  "aqi": 0.013846064129032257,
  "bids_meta": {
    "CogAtlasID": "https://www.cognitiveatlas.org/task/id/trm_4c8991fadfe01",
    "DeviceSerialNumber": "66018",
    "DwellTime": 4.2e-06,
    "EchoTime": 0.039,
    "EffectiveEchoSpacing": 0.000929976,
    "FlipAngle": 50,
    "InstitutionAddress": "Washington Rd, Princeton, NJ 08540, USA",
    "InstitutionName": "Princeton University",
    "InstitutionalDepartmentName": "Princeton Neuroscience Institute",
    "MagneticFieldStrength": 3,
    "Manufacturer": "Siemens",
    "ManufacturersModelName": "Prisma",
    "NumberOfVolumesDiscardedByScanner": 3,
    "ParallelReductionType": "GRAPPA",
    "PartialFourier": 0.75,
    "PhaseEncodingDirection": "j-",
    "PixelBandwidth": 1240,
    "PulseSequenceDetails": "%CustomerSeq%_ep2d_bold_sms_mgh_v22",
    "PulseSequenceType": "Gradient Echo EPI",
    "ReceiveCoilActiveElements": "HC1-7;NC1,2",
    "ReceiveCoilName": "HeadNeck_64",
    "RepetitionTime": 1.5,
    "ScanOptions": "PFP_FS",
    "ScanningSequence": "EP",
    "SequenceName": "epfSM2d1_96",
    "SequenceVariant": "SK",
    "SliceTiming": [
      0.6925,
      0,
      0.79,
      0.1,
      0.8875,
      0.1975,
      0.9875,
      0.2975,
      1.085,
      0.395,
      1.185,
      0.495,
      1.2825,
      0.5925,
      1.3825,
      0.6925,
      0,
      0.79,
      0.1,
      0.8875,
      0.1975,
      0.9875,
      0.2975,
      1.085,
      0.395,
      1.185,
      0.495,
      1.2825,
      0.5925,
      1.3825,
      0.6925,
      0,
      0.79,
      0.1,
      0.8875,
      0.1975,
      0.9875,
      0.2975,
      1.085,
      0.395,
      1.185,
      0.495,
      1.2825,
      0.5925,
      1.3825,
      0.6925,
      0,
      0.79,
      0.1,
      0.8875,
      0.1975,
      0.9875,
      0.2975,
      1.085,
      0.395,
      1.185,
      0.495,
      1.2825,
      0.5925,
      1.3825
    ],
    "SoftwareVersions": "syngo_MR_D13D",
    "StationName": "AWP66018",
    "TaskDescription": "Passively listened to audio story 'shapessocial'",
    "TaskName": "shapessocial",
    "TotalReadoutTime": 0.0883478,
    "dataset": "ds002345",
    "modality": "bold",
    "subject_id": "247",
    "task_id": "shapessocial"
  },
  "dummy_trs": 0,
  "dvars_nstd": 38.30441237262132,
  "dvars_std": 0.9809619674757281,
  "dvars_vstd": 0.9479177406796123,
  "efc": 0.59147290863511,
  "fber": 304.0294189453125,
  "fd_mean": 0.2187041671414966,
  "fd_num": 98,
  "fd_perc": 31.612903225806452,
  "fwhm_avg": 2.78008,
  "fwhm_x": 2.518125,
  "fwhm_y": 3.09319,
  "fwhm_z": 2.728925,
  "gcor": 0.031381,
  "gsr_x": -0.0028561861254274845,
  "gsr_y": 0.05529715493321419,
  "provenance": {
    "md5sum": "1783844ac72f0b85d2c200ca7d28764c",
    "settings": {
      "fd_thres": 0.2,
      "testing": false
    },
    "software": "mriqc",
    "version": "22.0.0rc1",
    "webapi_port": null,
    "webapi_url": "https://mriqc.nimh.nih.gov/api/v1"
  },
  "size_t": 310,
  "size_x": 96,
  "size_y": 96,
  "size_z": 60,
  "snr": 2.771544277958775,
  "spacing_tr": 1.5,
  "spacing_x": 2.0,
  "spacing_y": 2.0,
  "spacing_z": 2.0,
  "summary_bg_k": 164.6191874369189,
  "summary_bg_mad": 6.867795189179973,
  "summary_bg_mean": 39.16460418701172,
  "summary_bg_median": 25.032257080078125,
  "summary_bg_n": 319664.0,
  "summary_bg_p05": 19.303224563598633,
  "summary_bg_p95": 97.51290130615234,
  "summary_bg_stdv": 52.0892448425293,
  "summary_fg_k": 0.9992716848046745,
  "summary_fg_mad": 151.55065043145012,
  "summary_fg_mean": 468.1476135253906,
  "summary_fg_median": 446.5516052246094,
  "summary_fg_n": 144372.0,
  "summary_fg_p05": 250.4695137023926,
  "summary_fg_p95": 762.8691925048828,
  "summary_fg_stdv": 161.1195831298828,
  "tsnr": 28.79643071827013
}