{
  "aor": 0.0015571290322580643,
  "aqi": 0.006092250387096774,
  "bids_meta": {
    "CogAtlasID": "https://www.cognitiveatlas.org/task/id/trm_4c8991fadfe01",
    "DeviceSerialNumber": "66018",
    "DwellTime": 4.2e-06,
    "EchoTime": 0.039,
    "EffectiveEchoSpacing": 0.000929976,
    "FlipAngle": 50,
    "InstitutionAddress": "Washington Rd, Princeton, NJ 08540, USA",
    "InstitutionName": "Princeton University",
    "InstitutionalDepartmentName": "Princeton Neuroscience Institute",
    "MagneticFieldStrength": 3,
    "Manufacturer": "Siemens",
    "ManufacturersModelName": "Prisma",
    "NumberOfVolumesDiscardedByScanner": 3,
    "ParallelReductionType": "GRAPPA",
    "PartialFourier": 0.75,
    "PhaseEncodingDirection": "j-",
    "PixelBandwidth": 1240,
    "PulseSequenceDetails": "%CustomerSeq%_ep2d_bold_sms_mgh_v22",
    "PulseSequenceType": "Gradient Echo EPI",
    "ReceiveCoilActiveElements": "HC1-7;NC1,2",
    "ReceiveCoilName": "HeadNeck_64",
    "RepetitionTime": 1.5,
    "ScanOptions": "PFP_FS",
    "ScanningSequence": "EP",
    "SequenceName": "epfSM2d1_96",
    "SequenceVariant": "SK",
    "SliceTiming": [
      0.6925,
      0,
      0.79,
      0.1,
      0.8875,
      0.1975,
      0.9875,
      0.2975,
      1.085,
      0.395,
      1.185,
      0.495,
      1.2825,
      0.5925,
      1.3825,
      0.6925,
      0,
      0.79,
      0.1,
      0.8875,
      0.1975,
      0.9875,
      0.2975,
      1.085,
      0.395,
      1.185,
      0.495,
      1.2825,
      0.5925,
      1.3825,
      0.6925,
      0,
      0.79,
      0.1,
      0.8875,
      0.1975,
      0.9875,
      0.2975,
      1.085,
      0.395,
      1.185,
      0.495,
      1.2825,
      0.5925,
      1.3825,
      0.6925,
      0,
      0.79,
      0.1,
      0.8875,
      0.1975,
      0.9875,
      0.2975,
      1.085,
      0.395,
      1.185,
      0.495,
      1.2825,
      0.5925,
      1.3825
    ],
    "SoftwareVersions": "syngo_MR_D13D",
    "StationName": "AWP66018",
    "TaskDescription": "Passively listened to audio story 'shapesphysical'",
    "TaskName": "shapesphysical",
    "TotalReadoutTime": 0.0883478,
    "dataset": "ds002345",
    "modality": "bold",
    "subject_id": "237",
    "task_id": "shapesphysical"
  },
  "dummy_trs": 1,
  "dvars_nstd": 38.52048413414241,
  "dvars_std": 1.139036995792881,
  "dvars_vstd": 1.0226043817152097,
  "efc": 0.5760135350105473,
  "fber": 324.3267517089844,
  "fd_mean": 0.1692975740590309,
  "fd_num": 117,
  "fd_perc": 37.74193548387097,
  "fwhm_avg": 2.796758333333333,
  "fwhm_x": 2.60928,
  "fwhm_y": 2.9859,
  "fwhm_z": 2.795095,
  "gcor": 0.0178744,
  "gsr_x": 0.0015580154722556472,
  "gsr_y": 0.06542392075061798,
  "provenance": {
    "md5sum": "5da18d0d4733a7adf9b5fffd7369986f",
    "settings": {
      "fd_thres": 0.2,
      "testing": false
    },
    "software": "mriqc",
    "version": "22.0.0rc1",
    "webapi_port": null,
    "webapi_url": "https://mriqc.nimh.nih.gov/api/v1"
  },
  "size_t": 310,
  "size_x": 96,
  "size_y": 96,
  "size_z": 60,
  "snr": 2.487884572826354,
  "spacing_tr": 1.5,
  "spacing_x": 2.0,
  "spacing_y": 2.0,
  "spacing_z": 2.0,
  "summary_bg_k": 89.21720731964807,
  "summary_bg_mad": 7.41301109252801,
  "summary_bg_mean": 42.41817855834961,
  "summary_bg_median": 26.27741813659668,
  "summary_bg_n": 328363.0,
  "summary_bg_p05": 20.16451644897461,
  "summary_bg_p95": 105.14806137084949,
  "summary_bg_stdv": 56.2205810546875,
  "summary_fg_k": 3.0558441109668424,
  "summary_fg_mad": 176.02553183005688,
  "summary_fg_mean": 520.1399536132812,
  "summary_fg_median": 488.52740478515625,
  "summary_fg_n": 139010.0,
  "summary_fg_p05": 264.70143737792966,
  "summary_fg_p95": 871.4325744628906,
  "summary_fg_stdv": 196.3618621826172,
  "tsnr": 41.77329805679619
}