{
  "aor": 0.0016736652835408021,
  "aqi": 0.01810301633471646,
  "bids_meta": {
    "CogAtlasID": "https://www.cognitiveatlas.org/task/id/trm_4c8991fadfe01",
    "DeviceSerialNumber": "45031",
    "DwellTime": 4.9e-06,
    "EchoTime": 0.028,
    "EffectiveEchoSpacing": 0.000355001,
    "FlipAngle": 64,
    "InstitutionAddress": "Washington Rd, Princeton, NJ 08540, USA",
    "InstitutionName": "Princeton University",
    "InstitutionalDepartmentName": "Princeton Neuroscience Institute",
    "MagneticFieldStrength": 3,
    "Manufacturer": "Siemens",
    "ManufacturersModelName": "Skyra",
    "NumberOfVolumesDiscardedByScanner": 3,
    "ParallelReductionFactorInPlane": 2,
    "ParallelReductionType": "GRAPPA",
    "PartialFourier": 1,
    "PhaseEncodingDirection": "j-",
    "PixelBandwidth": 1595,
    "PulseSequenceDetails": "%SiemensSeq%_ep2d_bold",
    "PulseSequenceType": "Gradient Echo EPI",
    "ReceiveCoilActiveElements": "HE1-4",
    "ReceiveCoilName": "HeadNeck_20",
    "RepetitionTime": 1.5,
    "ScanOptions": "FS",
    "ScanningSequence": "EP",
    "SequenceName": "_epfid2d1_64",
    "SequenceVariant": "SK",
    "SliceTiming": [
      0,
      0.7675,
      0.055,
      0.8225,
      0.1075,
      0.875,
      0.1625,
      0.93,
      0.2175,
      0.985,
      0.2725,
      1.04,
      0.3275,
      1.095,
      0.3825,
      1.15,
      0.4375,
      1.205,
      0.4925,
      1.26,
      0.5475,
      1.315,
      0.6025,
      1.37,
      0.6575,
      1.425,
      0.7125
    ],
    "SoftwareVersions": "syngo_MR_D13",
    "StationName": "AWP45031",
    "TaskDescription": "Passively listened to audio story 'sherlock'",
    "TaskName": "sherlock",
    "TotalReadoutTime": 0.022365,
    "dataset": "ds002345",
    "modality": "bold",
    "subject_id": "155",
    "task_id": "sherlock"
  },
  "dummy_trs": 1,
  "dvars_nstd": 26.21778060472297,
  "dvars_std": 1.1986480352770086,
  "dvars_vstd": 0.9914536889473675,
  "efc": 0.5944167004111618,
  "fber": 1572.7740478515625,
  "fd_mean": 0.19797675006160842,
  "fd_num": 234,
  "fd_perc": 32.365145228215766,
  "fwhm_avg": 1.7217819756745483,
  "fwhm_x": 1.6895766666666667,
  "fwhm_y": 1.9039066666666666,
  "fwhm_z": 1.5718625936903114,
  "gcor": 0.0122629,
  "gsr_x": -0.002125982427969575,
  "gsr_y": 0.038379769772291183,
  "provenance": {
    "md5sum": "bf8de4d7ad30f6411d5b7ecec4b81226",
    "settings": {
      "fd_thres": 0.2,
      "testing": false
    },
    "software": "mriqc",
    "version": "22.0.0rc1",
    "webapi_port": null,
    "webapi_url": "https://mriqc.nimh.nih.gov/api/v1"
  },
  "size_t": 723,
  "size_x": 64,
  "size_y": 64,
  "size_z": 27,
  "snr": 7.383115294785456,
  "spacing_tr": 1.5,
  "spacing_x": 3.0,
  "spacing_y": 3.0,
  "spacing_z": 3.999999761581421,
  "summary_bg_k": 17.544277981721216,
  "summary_bg_mad": 11.186163155755477,
  "summary_bg_mean": 37.03984069824219,
  "summary_bg_median": 15.558783531188965,
  "summary_bg_n": 54818.0,
  "summary_bg_p05": 6.753803730010986,
  "summary_bg_p95": 139.80249786376913,
  "summary_bg_stdv": 57.36671447753906,
  "summary_fg_k": 2.7104194349557966,
  "summary_fg_mad": 82.77452161433058,
  "summary_fg_mean": 653.9900512695312,
  "summary_fg_median": 648.1791381835938,
  "summary_fg_n": 27516.0,
  "summary_fg_p05": 533.6985015869141,
  "summary_fg_p95": 796.362060546875,
  "summary_fg_stdv": 87.79049682617188,
  "tsnr": 50.1788964276202
}