{
  "bids_meta": {
    "DeviceSerialNumber": "45031",
    "DwellTime": 8.2e-06,
    "EchoTime": 0.00308,
    "FlipAngle": 9,
    "InstitutionAddress": "Washington Rd, Princeton, NJ 08540, USA",
    "InstitutionName": "Princeton University",
    "InstitutionalDepartmentName": "Princeton Neuroscience Institute",
    "InversionTime": 0.9,
    "MagneticFieldStrength": 3,
    "Manufacturer": "Siemens",
    "ManufacturersModelName": "Skyra",
    "ParallelReductionFactorInPlane": 2,
    "ParallelReductionType": "GRAPPA",
    "PartialFourier": 1,
    "PixelBandwidth": 240,
    "PulseSequenceDetails": "%SiemensSeq%_tfl",
    "PulseSequenceType": "MPRAGE",
    "ReceiveCoilActiveElements": "HE1-4",
    "ReceiveCoilName": "HeadNeck_20",
    "RepetitionTime": 2.3,
    "ScanOptions": "IR",
    "ScanningSequence": "GR_IR",
    "SequenceName": "_tfl3d1_16ns",
    "SequenceVariant": "SK_SP_MP",
    "SoftwareVersions": "syngo_MR_D13",
    "StationName": "AWP45031",
    "dataset": "ds002345",
    "modality": "T1w",
    "subject_id": "151"
  },
  "cjv": 0.415292968475029,
  "cnr": 3.1745431622797398,
  "efc": 0.7124242114821876,
  "fber": 1015.9455199043696,
  "fwhm_avg": 3.421465965078152,
  "fwhm_x": 3.467144077052638,
  "fwhm_y": 3.5432378181818183,
  "fwhm_z": 3.254016,
  "icvs_csf": 0.15620700070416418,
  "icvs_gm": 0.4432577446499072,
  "icvs_wm": 0.4005352546459286,
  "inu_med": 1.1958000659942627,
  "inu_range": 0.3098072111606598,
  "provenance": {
    "md5sum": "bf38f047d5006f3b7af19dadc8787d53",
    "settings": {
      "testing": false
    },
    "software": "mriqc",
    "version": "22.0.0rc1",
    "warnings": {
      "large_rot_frame": true,
      "small_air_mask": false
    },
    "webapi_port": null,
    "webapi_url": "https://mriqc.nimh.nih.gov/api/v1"
  },
  "qi_1": 0.0,
  "qi_2": 0.0020705828045406442,
  "rpve_csf": 18.73556423726159,
  "rpve_gm": 7.746987815344964,
  "rpve_wm": 10.067022177953989,
  "size_x": 192,
  "size_y": 256,
  "size_z": 256,
  "snr_csf": 0.6031061482769143,
  "snr_gm": 9.163293166856482,
  "snr_total": 9.000031467794559,
  "snr_wm": 17.233695088250283,
  "snrd_csf": 19.884724724078186,
  "snrd_gm": 40.876077606713764,
  "snrd_total": 39.88728485392868,
  "snrd_wm": 58.90105223099411,
  "spacing_x": 0.9000000953674316,
  "spacing_y": 0.859375,
  "spacing_z": 0.859375,
  "summary_bg_k": 8.61227729721136,
  "summary_bg_mad": 11.12266056647361,
  "summary_bg_mean": 20.61814231267095,
  "summary_bg_median": 17.352731004357338,
  "summary_bg_n": 2885232.0,
  "summary_bg_p05": 4.892687313258648,
  "summary_bg_p95": 46.186968237161636,
  "summary_bg_stdv": 13.784970468889961,
  "summary_csf_k": 7.680234207258364,
  "summary_csf_mad": 132.60145770987234,
  "summary_csf_mean": 530.686930674606,
  "summary_csf_median": 337.5954246148467,
  "summary_csf_n": 26619.0,
  "summary_csf_p05": 191.982526589185,
  "summary_csf_p95": 1902.511676385998,
  "summary_csf_stdv": 559.7506911023769,
  "summary_gm_k": 0.324070467888403,
  "summary_gm_mad": 72.05549671324208,
  "summary_gm_mean": 697.4807296618416,
  "summary_gm_median": 693.9787685126066,
  "summary_gm_n": 71577.0,
  "summary_gm_p05": 578.1199329346418,
  "summary_gm_p95": 828.6255233734846,
  "summary_gm_stdv": 75.73411742713547,
  "summary_wm_k": 0.5524141616529041,
  "summary_wm_mad": 55.03299010716073,
  "summary_wm_mean": 1000.5486981601415,
  "summary_wm_median": 1000.0000509992242,
  "summary_wm_n": 481027.0,
  "summary_wm_p05": 906.7780487239361,
  "summary_wm_p95": 1096.092429831624,
  "summary_wm_stdv": 58.02580389377582,
  "tpm_overlap_csf": 0.17830392718315125,
  "tpm_overlap_gm": 0.4430710971355438,
  "tpm_overlap_wm": 0.49750816822052,
  "wm2max": 0.5221938340998127
}