{
  "aor": 0.0004225684210526317,
  "aqi": 0.008566018673684209,
  "bids_meta": {
    "CogAtlasID": "https://www.cognitiveatlas.org/task/id/trm_4c8991fadfe01",
    "DeviceSerialNumber": "45031",
    "DwellTime": 5.4e-06,
    "EchoTime": 0.028,
    "EffectiveEchoSpacing": 0.000390001,
    "FlipAngle": 64,
    "InstitutionAddress": "Washington Rd, Princeton, NJ 08540, USA",
    "InstitutionName": "Princeton University",
    "InstitutionalDepartmentName": "Princeton Neuroscience Institute",
    "MagneticFieldStrength": 3,
    "Manufacturer": "Siemens",
    "ManufacturersModelName": "Skyra",
    "NumberOfVolumesDiscardedByScanner": 3,
    "ParallelReductionFactorInPlane": 2,
    "ParallelReductionType": "GRAPPA",
    "PartialFourier": 1,
    "PhaseEncodingDirection": "j-",
    "PixelBandwidth": 1445,
    "PulseSequenceDetails": "%SiemensSeq%_ep2d_bold",
    "PulseSequenceType": "Gradient Echo EPI",
    "ReceiveCoilActiveElements": "HE1-4",
    "ReceiveCoilName": "HeadNeck_20",
    "RepetitionTime": 1.5,
    "ScanOptions": "FS",
    "ScanningSequence": "EP",
    "SequenceName": "_epfid2d1_64",
    "SequenceVariant": "SK",
    "SliceTiming": [
      0,
      0.7775,
      0.055,
      0.8325,
      0.11,
      0.8875,
      0.165,
      0.9425,
      0.22,
      0.9975,
      0.2775,
      1.055,
      0.3325,
      1.11,
      0.3875,
      1.165,
      0.4425,
      1.22,
      0.5,
      1.2775,
      0.555,
      1.3325,
      0.61,
      1.3875,
      0.665,
      1.4425,
      0.72
    ],
    "SoftwareVersions": "syngo_MR_D11",
    "StationName": "AWP45031",
    "TaskDescription": "Passively listened to audio story 'prettymouth'",
    "TaskName": "prettymouth",
    "TotalReadoutTime": 0.0245701,
    "dataset": "ds002345",
    "modality": "bold",
    "subject_id": "096",
    "task_id": "prettymouth"
  },
  "dummy_trs": 0,
  "dvars_nstd": 22.410685740274268,
  "dvars_std": 1.259623658375528,
  "dvars_vstd": 0.9890828621097048,
  "efc": 0.6192227049370087,
  "fber": 1356.5960693359375,
  "fd_mean": 0.09116919415231783,
  "fd_num": 10,
  "fd_perc": 2.1052631578947367,
  "fwhm_avg": 1.7235037642885878,
  "fwhm_x": 1.6604400000000001,
  "fwhm_y": 1.9422366666666668,
  "fwhm_z": 1.5678346261990963,
  "gcor": 0.0759853,
  "gsr_x": -0.0018941252492368221,
  "gsr_y": 0.05095742270350456,
  "provenance": {
    "md5sum": "8cede55699979a3308a096b85b73fb12",
    "settings": {
      "fd_thres": 0.2,
      "testing": false
    },
    "software": "mriqc",
    "version": "21.0.0rc2",
    "webapi_port": null,
    "webapi_url": "https://mriqc.nimh.nih.gov/api/v1"
  },
  "size_t": 475,
  "size_x": 64,
  "size_y": 64,
  "size_z": 27,
  "snr": 7.333779858491176,
  "spacing_tr": 1.5,
  "spacing_x": 3.0,
  "spacing_y": 3.0,
  "spacing_z": 4.000000953674316,
  "summary_bg_k": 22.662919304063504,
  "summary_bg_mad": 14.167432547912194,
  "summary_bg_mean": 49.96199417114258,
  "summary_bg_median": 18.498947143554688,
  "summary_bg_n": 52355.0,
  "summary_bg_p05": 7.447788953781129,
  "summary_bg_p95": 198.128834533691,
  "summary_bg_stdv": 80.75877380371094,
  "summary_fg_k": 2.696018474414897,
  "summary_fg_mad": 91.50774908056998,
  "summary_fg_mean": 731.717041015625,
  "summary_fg_median": 724.483154296875,
  "summary_fg_n": 29792.0,
  "summary_fg_p05": 595.2073211669922,
  "summary_fg_p95": 894.7459594726562,
  "summary_fg_stdv": 98.78548431396484,
  "tsnr": 68.54034472955391
}