{
  "aor": 0.0011259729729729728,
  "aqi": 0.010135220054054053,
  "bids_meta": {
    "CogAtlasID": "https://www.cognitiveatlas.org/task/id/trm_4c8991fadfe01",
    "DeviceSerialNumber": "45031",
    "DwellTime": 5.4e-06,
    "EchoTime": 0.028,
    "EffectiveEchoSpacing": 0.000390001,
    "FlipAngle": 64,
    "InstitutionAddress": "Washington Rd, Princeton, NJ 08540, USA",
    "InstitutionName": "Princeton University",
    "InstitutionalDepartmentName": "Princeton Neuroscience Institute",
    "MagneticFieldStrength": 3,
    "Manufacturer": "Siemens",
    "ManufacturersModelName": "Skyra",
    "NumberOfVolumesDiscardedByScanner": 3,
    "ParallelReductionFactorInPlane": 2,
    "ParallelReductionType": "GRAPPA",
    "PartialFourier": 1,
    "PhaseEncodingDirection": "j-",
    "PixelBandwidth": 1445,
    "PulseSequenceDetails": "%SiemensSeq%_ep2d_bold",
    "PulseSequenceType": "Gradient Echo EPI",
    "ReceiveCoilActiveElements": "HE1-4",
    "ReceiveCoilName": "HeadNeck_20",
    "RepetitionTime": 1.5,
    "ScanOptions": "FS",
    "ScanningSequence": "EP",
    "SequenceName": "_epfid2d1_64",
    "SequenceVariant": "SK",
    "SliceTiming": [
      0,
      0.7775,
      0.0575,
      0.835,
      0.1125,
      0.89,
      0.1675,
      0.945,
      0.2225,
      1,
      0.28,
      1.0575,
      0.335,
      1.1125,
      0.39,
      1.1675,
      0.445,
      1.2225,
      0.5,
      1.2775,
      0.5575,
      1.335,
      0.6125,
      1.39,
      0.6675,
      1.445,
      0.7225
    ],
    "SoftwareVersions": "syngo_MR_D11",
    "StationName": "AWP45031",
    "TaskDescription": "Passively listened to audio story 'lucy'",
    "TaskName": "lucy",
    "TotalReadoutTime": 0.0245701,
    "dataset": "ds002345",
    "modality": "bold",
    "subject_id": "059",
    "task_id": "lucy"
  },
  "dummy_trs": 0,
  "dvars_nstd": 25.716756882655822,
  "dvars_std": 1.3345851731165315,
  "dvars_vstd": 1.0094050910569101,
  "efc": 0.6829551376905628,
  "fber": 1144.97119140625,
  "fd_mean": 0.09364837805728188,
  "fd_num": 7,
  "fd_perc": 1.8918918918918919,
  "fwhm_avg": 1.7854723722738333,
  "fwhm_x": 1.71952,
  "fwhm_y": 2.0297300000000003,
  "fwhm_z": 1.6071671168214998,
  "gcor": 0.0914704,
  "gsr_x": -0.023058030754327774,
  "gsr_y": 0.07994449883699417,
  "provenance": {
    "md5sum": "c994f9743d4fb486137f50e9847b04d5",
    "settings": {
      "fd_thres": 0.2,
      "testing": false
    },
    "software": "mriqc",
    "version": "21.0.0rc2",
    "webapi_port": null,
    "webapi_url": "https://mriqc.nimh.nih.gov/api/v1"
  },
  "size_t": 370,
  "size_x": 64,
  "size_y": 64,
  "size_z": 27,
  "snr": 6.6020243662805065,
  "spacing_tr": 1.5,
  "spacing_x": 3.0,
  "spacing_y": 3.0,
  "spacing_z": 4.000000953674316,
  "summary_bg_k": 9.340772552602866,
  "summary_bg_mad": 18.648733546189256,
  "summary_bg_mean": 72.82315063476562,
  "summary_bg_median": 21.872974395751953,
  "summary_bg_n": 43983.0,
  "summary_bg_p05": 7.524324417114258,
  "summary_bg_p95": 308.8289154052735,
  "summary_bg_stdv": 109.91651153564453,
  "summary_fg_k": 1.4837113524522394,
  "summary_fg_mad": 113.9580332663023,
  "summary_fg_mean": 830.3021240234375,
  "summary_fg_median": 818.0743408203125,
  "summary_fg_n": 37254.0,
  "summary_fg_p05": 660.7959564208984,
  "summary_fg_p95": 1052.7109497070312,
  "summary_fg_stdv": 123.9109878540039,
  "tsnr": 62.003183929715306
}