{
  "aor": 0.0024995,
  "aqi": 0.007237680466666667,
  "bids_meta": {
    "CogAtlasID": "https://www.cognitiveatlas.org/task/id/trm_4c8991fadfe01",
    "DeviceSerialNumber": "45031",
    "DwellTime": 5.4e-06,
    "EchoTime": 0.028,
    "EffectiveEchoSpacing": 0.000390001,
    "FlipAngle": 64,
    "InstitutionAddress": "Washington Rd, Princeton, NJ 08540, USA",
    "InstitutionName": "Princeton University",
    "InstitutionalDepartmentName": "Princeton Neuroscience Institute",
    "MagneticFieldStrength": 3,
    "Manufacturer": "Siemens",
    "ManufacturersModelName": "Skyra",
    "NumberOfVolumesDiscardedByScanner": 3,
    "ParallelReductionFactorInPlane": 2,
    "ParallelReductionType": "GRAPPA",
    "PartialFourier": 1,
    "PhaseEncodingDirection": "j-",
    "PixelBandwidth": 1445,
    "PulseSequenceDetails": "%SiemensSeq%_ep2d_bold",
    "PulseSequenceType": "Gradient Echo EPI",
    "ReceiveCoilActiveElements": "HE1-4",
    "ReceiveCoilName": "HeadNeck_20",
    "RepetitionTime": 1.5,
    "ScanOptions": "FS",
    "ScanningSequence": "EP",
    "SequenceName": "_epfid2d1_64",
    "SequenceVariant": "SK",
    "SliceTiming": [
      0,
      0.7775,
      0.055,
      0.8325,
      0.11,
      0.89,
      0.1675,
      0.945,
      0.2225,
      1,
      0.2775,
      1.055,
      0.3325,
      1.11,
      0.39,
      1.1675,
      0.445,
      1.2225,
      0.5,
      1.2775,
      0.555,
      1.3325,
      0.61,
      1.3875,
      0.6675,
      1.445,
      0.7225
    ],
    "SoftwareVersions": "syngo_MR_D11",
    "StationName": "AWP45031",
    "TaskDescription": "Passively listened to audio story 'pieman'",
    "TaskName": "pieman",
    "TotalReadoutTime": 0.0245701,
    "dataset": "ds002345",
    "modality": "bold",
    "subject_id": "059",
    "task_id": "pieman"
  },
  "dummy_trs": 0,
  "dvars_nstd": 26.267821353277608,
  "dvars_std": 1.3615858962541798,
  "dvars_vstd": 1.023125434448161,
  "efc": 0.6806261553001196,
  "fber": 1195.8570556640625,
  "fd_mean": 0.09623763404321069,
  "fd_num": 6,
  "fd_perc": 2.0,
  "fwhm_avg": 1.7917587589333104,
  "fwhm_x": 1.7174133333333332,
  "fwhm_y": 2.0226433333333333,
  "fwhm_z": 1.635219610133264,
  "gcor": 0.0976063,
  "gsr_x": -0.02296118251979351,
  "gsr_y": 0.08018862456083298,
  "provenance": {
    "md5sum": "06a5961aa91fa559657394c471e78780",
    "settings": {
      "fd_thres": 0.2,
      "testing": false
    },
    "software": "mriqc",
    "version": "21.0.0rc2",
    "webapi_port": null,
    "webapi_url": "https://mriqc.nimh.nih.gov/api/v1"
  },
  "size_t": 300,
  "size_x": 64,
  "size_y": 64,
  "size_z": 27,
  "snr": 6.608262601502767,
  "spacing_tr": 1.5,
  "spacing_x": 3.0,
  "spacing_y": 3.0,
  "spacing_z": 4.000000953674316,
  "summary_bg_k": 10.305319449535492,
  "summary_bg_mad": 17.781343323663144,
  "summary_bg_mean": 70.33261108398438,
  "summary_bg_median": 21.476667404174805,
  "summary_bg_n": 44055.0,
  "summary_bg_p05": 7.616666793823242,
  "summary_bg_p95": 298.3153472900389,
  "summary_bg_stdv": 107.55403900146484,
  "summary_fg_k": 1.48000281273357,
  "summary_fg_mad": 115.38602425196683,
  "summary_fg_mean": 835.0100708007812,
  "summary_fg_median": 822.8800048828125,
  "summary_fg_n": 37232.0,
  "summary_fg_p05": 664.1651763916016,
  "summary_fg_p95": 1057.498168945312,
  "summary_fg_stdv": 124.52122497558594,
  "tsnr": 69.95331370085478
}