{
  "aor": 0.003354628723877279,
  "aqi": 0.018381414766562916,
  "bids_meta": {
    "CogAtlasID": "https://www.cognitiveatlas.org/task/id/trm_4c8991fadfe01",
    "DeviceSerialNumber": "45031",
    "DwellTime": 4.9e-06,
    "EchoTime": 0.028,
    "EffectiveEchoSpacing": 0.000355001,
    "FlipAngle": 64,
    "InstitutionAddress": "Washington Rd, Princeton, NJ 08540, USA",
    "InstitutionName": "Princeton University",
    "InstitutionalDepartmentName": "Princeton Neuroscience Institute",
    "MagneticFieldStrength": 3,
    "Manufacturer": "Siemens",
    "ManufacturersModelName": "Skyra",
    "NumberOfVolumesDiscardedByScanner": 3,
    "ParallelReductionFactorInPlane": 2,
    "ParallelReductionType": "GRAPPA",
    "PartialFourier": 1,
    "PhaseEncodingDirection": "j-",
    "PixelBandwidth": 1595,
    "PulseSequenceDetails": "%SiemensSeq%_ep2d_bold",
    "PulseSequenceType": "Gradient Echo EPI",
    "ReceiveCoilActiveElements": "HE1-4",
    "ReceiveCoilName": "HeadNeck_20",
    "RepetitionTime": 1.5,
    "ScanOptions": "FS",
    "ScanningSequence": "EP",
    "SequenceName": "_epfid2d1_64",
    "SequenceVariant": "SK",
    "SliceTiming": [
      0,
      0.7675,
      0.055,
      0.8225,
      0.11,
      0.8775,
      0.165,
      0.9325,
      0.22,
      0.9875,
      0.275,
      1.0425,
      0.33,
      1.0975,
      0.385,
      1.1525,
      0.44,
      1.2075,
      0.495,
      1.2625,
      0.55,
      1.315,
      0.6025,
      1.37,
      0.6575,
      1.425,
      0.7125
    ],
    "SoftwareVersions": "syngo_MR_E11",
    "StationName": "AWP45031",
    "TaskDescription": "Passively listened to audio story '21styear'",
    "TaskName": "21styear",
    "TotalReadoutTime": 0.022365,
    "dataset": "ds002345",
    "modality": "bold",
    "subject_id": "244",
    "task_id": "21styear"
  },
  "dummy_trs": 0,
  "dvars_nstd": 20.66536681589413,
  "dvars_std": 1.1558560395462638,
  "dvars_vstd": 1.0453077250133438,
  "efc": 0.6158528457438882,
  "fber": 1579.0316162109375,
  "fd_mean": 0.13834556902938244,
  "fd_num": 365,
  "fd_perc": 16.229435304579813,
  "fwhm_avg": 1.808816388888889,
  "fwhm_x": 1.75099,
  "fwhm_y": 2.078326666666667,
  "fwhm_z": 1.5971325,
  "gcor": 0.0392307,
  "gsr_x": -0.020605910569429398,
  "gsr_y": 0.06566960364580154,
  "provenance": {
    "md5sum": "39eaf1e8fb4b455657dbcd20ce59c461",
    "settings": {
      "fd_thres": 0.2,
      "testing": false
    },
    "software": "mriqc",
    "version": "22.0.0rc1",
    "webapi_port": null,
    "webapi_url": "https://mriqc.nimh.nih.gov/api/v1"
  },
  "size_t": 2249,
  "size_x": 64,
  "size_y": 64,
  "size_z": 27,
  "snr": 6.388611530798138,
  "spacing_tr": 1.5,
  "spacing_x": 3.0,
  "spacing_y": 3.0,
  "spacing_z": 4.0,
  "summary_bg_k": 16.502114410113265,
  "summary_bg_mad": 10.76023823996876,
  "summary_bg_mean": 39.72331619262695,
  "summary_bg_median": 15.535126686096191,
  "summary_bg_n": 51290.0,
  "summary_bg_p05": 6.871209454536438,
  "summary_bg_p95": 164.83627777099608,
  "summary_bg_stdv": 67.51800537109375,
  "summary_fg_k": 2.3307917858055456,
  "summary_fg_mad": 91.39920529632332,
  "summary_fg_mean": 678.2852783203125,
  "summary_fg_median": 664.1280517578125,
  "summary_fg_n": 30893.0,
  "summary_fg_p05": 547.2282958984375,
  "summary_fg_p95": 868.7974243164061,
  "summary_fg_stdv": 103.95330810546875,
  "tsnr": 47.70783170219511
}