{
  "aor": 0.0007283495145631068,
  "aqi": 0.004253252233009709,
  "bids_meta": {
    "CogAtlasID": "https://www.cognitiveatlas.org/task/id/trm_4c8991fadfe01",
    "DeviceSerialNumber": "66018",
    "DwellTime": 4.2e-06,
    "EchoTime": 0.039,
    "EffectiveEchoSpacing": 0.000929976,
    "FlipAngle": 50,
    "InstitutionAddress": "Washington Rd, Princeton, NJ 08540, USA",
    "InstitutionName": "Princeton University",
    "InstitutionalDepartmentName": "Princeton Neuroscience Institute",
    "MagneticFieldStrength": 3,
    "Manufacturer": "Siemens",
    "ManufacturersModelName": "Prisma",
    "NumberOfVolumesDiscardedByScanner": 3,
    "ParallelReductionType": "GRAPPA",
    "PartialFourier": 0.75,
    "PhaseEncodingDirection": "j-",
    "PixelBandwidth": 1240,
    "PulseSequenceDetails": "%CustomerSeq%_ep2d_bold_sms_mgh_v22",
    "PulseSequenceType": "Gradient Echo EPI",
    "ReceiveCoilActiveElements": "HC1-7;NC1,2",
    "ReceiveCoilName": "HeadNeck_64",
    "RepetitionTime": 1.5,
    "ScanOptions": "PFP_FS",
    "ScanningSequence": "EP",
    "SequenceName": "epfSM2d1_96",
    "SequenceVariant": "SK",
    "SliceTiming": [
      0.6925,
      0,
      0.79,
      0.1,
      0.8875,
      0.1975,
      0.9875,
      0.2975,
      1.085,
      0.395,
      1.185,
      0.495,
      1.2825,
      0.5925,
      1.3825,
      0.6925,
      0,
      0.79,
      0.1,
      0.8875,
      0.1975,
      0.9875,
      0.2975,
      1.085,
      0.395,
      1.185,
      0.495,
      1.2825,
      0.5925,
      1.3825,
      0.6925,
      0,
      0.79,
      0.1,
      0.8875,
      0.1975,
      0.9875,
      0.2975,
      1.085,
      0.395,
      1.185,
      0.495,
      1.2825,
      0.5925,
      1.3825,
      0.6925,
      0,
      0.79,
      0.1,
      0.8875,
      0.1975,
      0.9875,
      0.2975,
      1.085,
      0.395,
      1.185,
      0.495,
      1.2825,
      0.5925,
      1.3825
    ],
    "SoftwareVersions": "syngo_MR_D13D",
    "StationName": "AWP66018",
    "TaskDescription": "Passively listened to audio story 'shapessocial'",
    "TaskName": "shapessocial",
    "TotalReadoutTime": 0.0883478,
    "dataset": "ds002345",
    "modality": "bold",
    "subject_id": "244",
    "task_id": "shapessocial"
  },
  "dummy_trs": 1,
  "dvars_nstd": 32.669758803019484,
  "dvars_std": 1.079475286428572,
  "dvars_vstd": 1.0055018425649356,
  "efc": 0.6163485883979472,
  "fber": 331.8976135253906,
  "fd_mean": 0.06817298679048449,
  "fd_num": 5,
  "fd_perc": 1.6181229773462784,
  "fwhm_avg": 2.718441666666667,
  "fwhm_x": 2.520145,
  "fwhm_y": 2.957375,
  "fwhm_z": 2.677805,
  "gcor": 0.00782265,
  "gsr_x": -0.013345540501177311,
  "gsr_y": 0.06447748094797134,
  "provenance": {
    "md5sum": "ffd570783b3d0d65d48e803f40393d89",
    "settings": {
      "fd_thres": 0.2,
      "testing": false
    },
    "software": "mriqc",
    "version": "22.0.0rc1",
    "webapi_port": null,
    "webapi_url": "https://mriqc.nimh.nih.gov/api/v1"
  },
  "size_t": 309,
  "size_x": 96,
  "size_y": 96,
  "size_z": 60,
  "snr": 2.5178298104589296,
  "spacing_tr": 1.5,
  "spacing_x": 2.0,
  "spacing_y": 2.0,
  "spacing_z": 2.0,
  "summary_bg_k": 47.90425503773858,
  "summary_bg_mad": 6.3766277786494285,
  "summary_bg_mean": 41.78139114379883,
  "summary_bg_median": 25.213592529296875,
  "summary_bg_n": 293461.0,
  "summary_bg_p05": 19.954692840576172,
  "summary_bg_p95": 108.56634521484375,
  "summary_bg_stdv": 47.781612396240234,
  "summary_fg_k": 3.7481048011028983,
  "summary_fg_mad": 174.14096922003506,
  "summary_fg_mean": 500.0355224609375,
  "summary_fg_median": 473.8932189941406,
  "summary_fg_n": 170615.0,
  "summary_fg_p05": 259.55469970703126,
  "summary_fg_p95": 829.7097106933593,
  "summary_fg_stdv": 188.2144012451172,
  "tsnr": 44.651542401406914
}