{
  "aor": 0.0010481000000000002,
  "aqi": 0.018908987933333336,
  "bids_meta": {
    "CogAtlasID": "https://www.cognitiveatlas.org/task/id/trm_4c8991fadfe01",
    "DeviceSerialNumber": "45031",
    "DwellTime": 5.4e-06,
    "EchoTime": 0.028,
    "EffectiveEchoSpacing": 0.000390001,
    "FlipAngle": 64,
    "InstitutionAddress": "Washington Rd, Princeton, NJ 08540, USA",
    "InstitutionName": "Princeton University",
    "InstitutionalDepartmentName": "Princeton Neuroscience Institute",
    "MagneticFieldStrength": 3,
    "Manufacturer": "Siemens",
    "ManufacturersModelName": "Skyra",
    "NumberOfVolumesDiscardedByScanner": 3,
    "ParallelReductionFactorInPlane": 2,
    "ParallelReductionType": "GRAPPA",
    "PartialFourier": 1,
    "PhaseEncodingDirection": "j-",
    "PixelBandwidth": 1445,
    "PulseSequenceDetails": "%SiemensSeq%_ep2d_bold",
    "PulseSequenceType": "Gradient Echo EPI",
    "ReceiveCoilActiveElements": "HE1-4",
    "ReceiveCoilName": "HeadNeck_20",
    "RepetitionTime": 1.5,
    "ScanOptions": "FS",
    "ScanningSequence": "EP",
    "SequenceName": "_epfid2d1_64",
    "SequenceVariant": "SK",
    "SliceTiming": [
      0,
      0.7775,
      0.055,
      0.8325,
      0.11,
      0.89,
      0.1675,
      0.945,
      0.2225,
      1,
      0.2775,
      1.055,
      0.3325,
      1.11,
      0.39,
      1.1675,
      0.445,
      1.2225,
      0.5,
      1.2775,
      0.555,
      1.3325,
      0.61,
      1.3875,
      0.6675,
      1.445,
      0.7225
    ],
    "SoftwareVersions": "syngo_MR_D11",
    "StationName": "AWP45031",
    "TaskDescription": "Passively listened to audio story 'pieman'",
    "TaskName": "pieman",
    "TotalReadoutTime": 0.0245701,
    "dataset": "ds002345",
    "modality": "bold",
    "run_id": 2,
    "subject_id": "008",
    "task_id": "pieman"
  },
  "dummy_trs": 0,
  "dvars_nstd": 24.39202511491637,
  "dvars_std": 1.181405364548494,
  "dvars_vstd": 0.9292941007023412,
  "efc": 0.6342979715943191,
  "fber": 1639.1153564453125,
  "fd_mean": 0.1325847404115696,
  "fd_num": 37,
  "fd_perc": 12.333333333333334,
  "fwhm_avg": 1.830867159007729,
  "fwhm_x": 1.7751866666666667,
  "fwhm_y": 2.12657,
  "fwhm_z": 1.5908448103565205,
  "gcor": 0.0144338,
  "gsr_x": 0.00298731354996562,
  "gsr_y": 0.05844520032405853,
  "provenance": {
    "md5sum": "f373fb32428549dcdacaab8ce65cc48b",
    "settings": {
      "fd_thres": 0.2,
      "testing": false
    },
    "software": "mriqc",
    "version": "21.0.0rc2",
    "webapi_port": null,
    "webapi_url": "https://mriqc.nimh.nih.gov/api/v1"
  },
  "size_t": 300,
  "size_x": 64,
  "size_y": 64,
  "size_z": 27,
  "snr": 6.281479630006173,
  "spacing_tr": 1.5,
  "spacing_x": 3.0,
  "spacing_y": 3.0,
  "spacing_z": 4.000000476837158,
  "summary_bg_k": 8.786507524123827,
  "summary_bg_mad": 12.59717579417592,
  "summary_bg_mean": 54.08369445800781,
  "summary_bg_median": 16.579999923706055,
  "summary_bg_n": 50663.0,
  "summary_bg_p05": 6.766666889190674,
  "summary_bg_p95": 233.75533447265616,
  "summary_bg_stdv": 81.47703552246094,
  "summary_fg_k": 2.1882545961775266,
  "summary_fg_mad": 101.84492700597758,
  "summary_fg_mean": 723.33837890625,
  "summary_fg_median": 711.375,
  "summary_fg_n": 31662.0,
  "summary_fg_p05": 572.6318389892579,
  "summary_fg_p95": 920.8577117919921,
  "summary_fg_stdv": 113.247802734375,
  "tsnr": 50.04519724473357
}