{
  "aor": 0.0006678929765886288,
  "aqi": 0.015476681070234114,
  "bids_meta": {
    "CogAtlasID": "https://www.cognitiveatlas.org/task/id/trm_4c8991fadfe01",
    "DeviceSerialNumber": "45031",
    "DwellTime": 5.4e-06,
    "EchoTime": 0.028,
    "EffectiveEchoSpacing": 0.000390001,
    "FlipAngle": 64,
    "InstitutionAddress": "Washington Rd, Princeton, NJ 08540, USA",
    "InstitutionName": "Princeton University",
    "InstitutionalDepartmentName": "Princeton Neuroscience Institute",
    "MagneticFieldStrength": 3,
    "Manufacturer": "Siemens",
    "ManufacturersModelName": "Skyra",
    "NumberOfVolumesDiscardedByScanner": 3,
    "ParallelReductionFactorInPlane": 2,
    "ParallelReductionType": "GRAPPA",
    "PartialFourier": 1,
    "PhaseEncodingDirection": "j-",
    "PixelBandwidth": 1445,
    "PulseSequenceDetails": "%SiemensSeq%_ep2d_bold",
    "PulseSequenceType": "Gradient Echo EPI",
    "ReceiveCoilActiveElements": "HE1-4",
    "ReceiveCoilName": "HeadNeck_20",
    "RepetitionTime": 1.5,
    "ScanOptions": "FS",
    "ScanningSequence": "EP",
    "SequenceName": "_epfid2d1_64",
    "SequenceVariant": "SK",
    "SliceTiming": [
      0,
      0.7775,
      0.055,
      0.8325,
      0.11,
      0.89,
      0.1675,
      0.945,
      0.2225,
      1,
      0.2775,
      1.055,
      0.3325,
      1.11,
      0.39,
      1.1675,
      0.445,
      1.2225,
      0.5,
      1.2775,
      0.555,
      1.3325,
      0.61,
      1.3875,
      0.6675,
      1.445,
      0.7225
    ],
    "SoftwareVersions": "syngo_MR_D11",
    "StationName": "AWP45031",
    "TaskDescription": "Passively listened to audio story 'pieman'",
    "TaskName": "pieman",
    "TotalReadoutTime": 0.0245701,
    "dataset": "ds002345",
    "modality": "bold",
    "run_id": 1,
    "subject_id": "008",
    "task_id": "pieman"
  },
  "dummy_trs": 1,
  "dvars_nstd": 24.296182081610745,
  "dvars_std": 1.1889530400335573,
  "dvars_vstd": 0.9288085891610733,
  "efc": 0.6353061036998151,
  "fber": 1811.6922607421875,
  "fd_mean": 0.14253874979918915,
  "fd_num": 44,
  "fd_perc": 14.715719063545151,
  "fwhm_avg": 1.7964291045154208,
  "fwhm_x": 1.7499566666666666,
  "fwhm_y": 2.0752433333333333,
  "fwhm_z": 1.5640873135462627,
  "gcor": 0.0216829,
  "gsr_x": 0.004315076395869255,
  "gsr_y": 0.055765796452760696,
  "provenance": {
    "md5sum": "b54c4b70cfb9464eead13b85bbc1064f",
    "settings": {
      "fd_thres": 0.2,
      "testing": false
    },
    "software": "mriqc",
    "version": "21.0.0rc2",
    "webapi_port": null,
    "webapi_url": "https://mriqc.nimh.nih.gov/api/v1"
  },
  "size_t": 299,
  "size_x": 64,
  "size_y": 64,
  "size_z": 27,
  "snr": 6.548053656911082,
  "spacing_tr": 1.5,
  "spacing_x": 3.0,
  "spacing_y": 3.0,
  "spacing_z": 4.000000476837158,
  "summary_bg_k": 10.86429134964355,
  "summary_bg_mad": 11.860817041084987,
  "summary_bg_mean": 54.231422424316406,
  "summary_bg_median": 15.976588249206543,
  "summary_bg_n": 50353.0,
  "summary_bg_p05": 6.568562030792236,
  "summary_bg_p95": 238.666223144531,
  "summary_bg_stdv": 83.9422836303711,
  "summary_fg_k": 2.5561609914869914,
  "summary_fg_mad": 98.79633524326125,
  "summary_fg_mean": 728.6259765625,
  "summary_fg_median": 718.3411254882812,
  "summary_fg_n": 31880.0,
  "summary_fg_p05": 582.2807769775391,
  "summary_fg_p95": 914.301025390625,
  "summary_fg_stdv": 109.70127868652344,
  "tsnr": 54.760391760617495
}