{
  "bids_meta": {
    "DeviceSerialNumber": "66018",
    "DwellTime": 9.8e-06,
    "EchoTime": 0.00267,
    "FlipAngle": 7,
    "InstitutionAddress": "Washington Rd, Building 25, Princeton, NJ 08540, USA",
    "InstitutionName": "Princeton University",
    "InstitutionalDepartmentName": "Princeton Neuroscience Institute",
    "InversionTime": 1.2,
    "MagneticFieldStrength": 3,
    "Manufacturer": "Siemens",
    "ManufacturersModelName": "Prisma",
    "ParallelReductionFactorInPlane": 2,
    "ParellelReductionType": "TODO",
    "PartialFourier": 1,
    "PixelBandwidth": 200,
    "PulseSequenceDetails": "%SiemensSeq%_tfl",
    "PulseSequenceType": "MPRAGE",
    "ReceiveCoilActiveElements": "HC1-7;NC1",
    "ReceiveCoilName": "HeadNeck_64",
    "RepetitionTime": 2.53,
    "ScanOptions": "IR",
    "ScanningSequence": "GR_IR",
    "SequenceName": "_tfl3d1_16",
    "SequenceVariant": "SK_SP_MP",
    "SoftwareVersions": "syngo_MR_D13D",
    "StationName": "AWP66018",
    "dataset": "ds002345",
    "modality": "T1w",
    "run_id": 2,
    "subject_id": "049"
  },
  "cjv": 0.43294105307970493,
  "cnr": 2.8642933540730438,
  "efc": 0.5789226526042657,
  "fber": 363.4416145472645,
  "fwhm_avg": 3.785213333333333,
  "fwhm_x": 3.70591,
  "fwhm_y": 3.7955,
  "fwhm_z": 3.85423,
  "icvs_csf": 0.1971898469438029,
  "icvs_gm": 0.4055462544735069,
  "icvs_wm": 0.3972638985826902,
  "inu_med": 1.2106893062591553,
  "inu_range": 0.5697190016508101,
  "provenance": {
    "md5sum": "7e23f2d9c3b7251f0446991cc8e95388",
    "settings": {
      "testing": false
    },
    "software": "mriqc",
    "version": "21.0.0rc2",
    "warnings": {
      "large_rot_frame": true,
      "small_air_mask": false
    },
    "webapi_port": null,
    "webapi_url": "https://mriqc.nimh.nih.gov/api/v1"
  },
  "qi_1": 8.352522718861796e-06,
  "qi_2": 0.0030672433551295025,
  "rpve_csf": 27.87902306688227,
  "rpve_gm": 14.196159452484238,
  "rpve_wm": 18.124620666425244,
  "size_x": 176,
  "size_y": 256,
  "size_z": 256,
  "snr_csf": 2.631122820695052,
  "snr_gm": 10.628467872168066,
  "snr_total": 10.823015805737304,
  "snr_wm": 19.209456724348794,
  "snrd_csf": 12.769055442942411,
  "snrd_gm": 23.565143072131253,
  "snrd_total": 22.676532323009436,
  "snrd_wm": 31.695398453954645,
  "spacing_x": 1.0,
  "spacing_y": 1.0,
  "spacing_z": 1.0,
  "summary_bg_k": 4.5160335990032765,
  "summary_bg_mad": 20.669763064196097,
  "summary_bg_mean": 37.96668071201024,
  "summary_bg_median": 36.07680071145296,
  "summary_bg_n": 2893940.0,
  "summary_bg_p05": 9.11092085763812,
  "summary_bg_p95": 73.25424958020449,
  "summary_bg_stdv": 20.423436777729624,
  "summary_csf_k": 12.026727137482716,
  "summary_csf_mad": 152.666144737308,
  "summary_csf_mean": 382.00461068707,
  "summary_csf_median": 402.8677991311997,
  "summary_csf_n": 7788.0,
  "summary_csf_p05": 153.27748532779515,
  "summary_csf_p95": 569.9920497490093,
  "summary_csf_stdv": 153.1064724465306,
  "summary_gm_k": 0.44156366611941955,
  "summary_gm_mad": 65.45424970328764,
  "summary_gm_mean": 743.243372180343,
  "summary_gm_median": 743.4878302551806,
  "summary_gm_n": 14536.0,
  "summary_gm_p05": 628.6688259569928,
  "summary_gm_p95": 859.728505089879,
  "summary_gm_stdv": 69.95008732584084,
  "summary_wm_k": 3.3381108937600343,
  "summary_wm_mad": 45.60039833899402,
  "summary_wm_mean": 1004.2719155359704,
  "summary_wm_median": 999.9999980255961,
  "summary_wm_n": 203654.0,
  "summary_wm_p05": 930.1088400371373,
  "summary_wm_p95": 1090.4977354034781,
  "summary_wm_stdv": 52.05756504349955,
  "tpm_overlap_csf": 0.16569583117961884,
  "tpm_overlap_gm": 0.42673495411872864,
  "tpm_overlap_wm": 0.5128674507141113,
  "wm2max": 0.3626901321903845
}