{
  "aor": 0.0005346947368421054,
  "aqi": 0.007964830168421054,
  "bids_meta": {
    "CogAtlasID": "https://www.cognitiveatlas.org/task/id/trm_4c8991fadfe01",
    "DeviceSerialNumber": "45031",
    "DwellTime": 5.4e-06,
    "EchoTime": 0.028,
    "EffectiveEchoSpacing": 0.000390001,
    "FlipAngle": 64,
    "InstitutionAddress": "Washington Rd, Princeton, NJ 08540, USA",
    "InstitutionName": "Princeton University",
    "InstitutionalDepartmentName": "Princeton Neuroscience Institute",
    "MagneticFieldStrength": 3,
    "Manufacturer": "Siemens",
    "ManufacturersModelName": "Skyra",
    "NumberOfVolumesDiscardedByScanner": 3,
    "ParallelReductionFactorInPlane": 2,
    "ParallelReductionType": "GRAPPA",
    "PartialFourier": 1,
    "PhaseEncodingDirection": "j-",
    "PixelBandwidth": 1445,
    "PulseSequenceDetails": "%SiemensSeq%_ep2d_bold",
    "PulseSequenceType": "Gradient Echo EPI",
    "ReceiveCoilActiveElements": "HE1-4",
    "ReceiveCoilName": "HeadNeck_20",
    "RepetitionTime": 1.5,
    "ScanOptions": "FS",
    "ScanningSequence": "EP",
    "SequenceName": "_epfid2d1_64",
    "SequenceVariant": "SK",
    "SliceTiming": [
      0,
      0.7775,
      0.055,
      0.8325,
      0.11,
      0.8875,
      0.165,
      0.9425,
      0.22,
      0.9975,
      0.2775,
      1.055,
      0.3325,
      1.11,
      0.3875,
      1.165,
      0.4425,
      1.22,
      0.5,
      1.2775,
      0.555,
      1.3325,
      0.61,
      1.3875,
      0.665,
      1.4425,
      0.72
    ],
    "SoftwareVersions": "syngo_MR_D11",
    "StationName": "AWP45031",
    "TaskDescription": "Passively listened to audio story 'prettymouth'",
    "TaskName": "prettymouth",
    "TotalReadoutTime": 0.0245701,
    "dataset": "ds002345",
    "modality": "bold",
    "subject_id": "066",
    "task_id": "prettymouth"
  },
  "dummy_trs": 0,
  "dvars_nstd": 21.190169394704647,
  "dvars_std": 1.1731852995569623,
  "dvars_vstd": 0.9887430739240508,
  "efc": 0.6483069495411012,
  "fber": 572.605712890625,
  "fd_mean": 0.13493217106102462,
  "fd_num": 49,
  "fd_perc": 10.31578947368421,
  "fwhm_avg": 1.7567586426310922,
  "fwhm_x": 1.6740866666666667,
  "fwhm_y": 2.0097366666666665,
  "fwhm_z": 1.5864525945599435,
  "gcor": 0.0473251,
  "gsr_x": -0.014894787222146988,
  "gsr_y": 0.07041238248348236,
  "provenance": {
    "md5sum": "a199a05915340b3d9d67eb3574261b62",
    "settings": {
      "fd_thres": 0.2,
      "testing": false
    },
    "software": "mriqc",
    "version": "21.0.0rc2",
    "webapi_port": null,
    "webapi_url": "https://mriqc.nimh.nih.gov/api/v1"
  },
  "size_t": 475,
  "size_x": 64,
  "size_y": 64,
  "size_z": 27,
  "snr": 7.157387205941173,
  "spacing_tr": 1.5,
  "spacing_x": 3.0,
  "spacing_y": 3.0,
  "spacing_z": 3.999999761581421,
  "summary_bg_k": 13.46567794086652,
  "summary_bg_mad": 27.36727462894895,
  "summary_bg_mean": 66.91370391845703,
  "summary_bg_median": 29.877893447875977,
  "summary_bg_n": 50818.0,
  "summary_bg_p05": 9.305262565612793,
  "summary_bg_p95": 252.07577514648438,
  "summary_bg_stdv": 90.302490234375,
  "summary_fg_k": 3.8582326561526115,
  "summary_fg_mad": 90.93191050528554,
  "summary_fg_mean": 783.0252075195312,
  "summary_fg_median": 776.6210327148438,
  "summary_fg_n": 31423.0,
  "summary_fg_p05": 635.5458618164063,
  "summary_fg_p95": 960.0065002441404,
  "summary_fg_stdv": 108.5044937133789,
  "tsnr": 70.29362718807533
}