{
  "aor": 0.0005012432432432432,
  "aqi": 0.006434240459459459,
  "bids_meta": {
    "CogAtlasID": "https://www.cognitiveatlas.org/task/id/trm_4c8991fadfe01",
    "DeviceSerialNumber": "45031",
    "DwellTime": 5.4e-06,
    "EchoTime": 0.028,
    "EffectiveEchoSpacing": 0.000390001,
    "FlipAngle": 64,
    "InstitutionAddress": "Washington Rd, Princeton, NJ 08540, USA",
    "InstitutionName": "Princeton University",
    "InstitutionalDepartmentName": "Princeton Neuroscience Institute",
    "MagneticFieldStrength": 3,
    "Manufacturer": "Siemens",
    "ManufacturersModelName": "Skyra",
    "NumberOfVolumesDiscardedByScanner": 3,
    "ParallelReductionFactorInPlane": 2,
    "ParallelReductionType": "GRAPPA",
    "PartialFourier": 1,
    "PhaseEncodingDirection": "j-",
    "PixelBandwidth": 1445,
    "PulseSequenceDetails": "%SiemensSeq%_ep2d_bold",
    "PulseSequenceType": "Gradient Echo EPI",
    "ReceiveCoilActiveElements": "HE1-4",
    "ReceiveCoilName": "HeadNeck_20",
    "RepetitionTime": 1.5,
    "ScanOptions": "FS",
    "ScanningSequence": "EP",
    "SequenceName": "_epfid2d1_64",
    "SequenceVariant": "SK",
    "SliceTiming": [
      0,
      0.7775,
      0.0575,
      0.835,
      0.1125,
      0.89,
      0.1675,
      0.945,
      0.2225,
      1,
      0.28,
      1.0575,
      0.335,
      1.1125,
      0.39,
      1.1675,
      0.445,
      1.2225,
      0.5,
      1.2775,
      0.5575,
      1.335,
      0.6125,
      1.39,
      0.6675,
      1.445,
      0.7225
    ],
    "SoftwareVersions": "syngo_MR_D11",
    "StationName": "AWP45031",
    "TaskDescription": "Passively listened to audio story 'lucy'",
    "TaskName": "lucy",
    "TotalReadoutTime": 0.0245701,
    "dataset": "ds002345",
    "modality": "bold",
    "subject_id": "066",
    "task_id": "lucy"
  },
  "dummy_trs": 0,
  "dvars_nstd": 23.749802705745267,
  "dvars_std": 1.2614969213008134,
  "dvars_vstd": 1.0046811034417344,
  "efc": 0.6463685013961906,
  "fber": 705.83837890625,
  "fd_mean": 0.10457486717124334,
  "fd_num": 3,
  "fd_perc": 0.8108108108108109,
  "fwhm_avg": 1.7960339537437173,
  "fwhm_x": 1.7110233333333333,
  "fwhm_y": 2.0449533333333334,
  "fwhm_z": 1.632125194564485,
  "gcor": 0.0312503,
  "gsr_x": -0.010811851359903812,
  "gsr_y": 0.06692851334810257,
  "provenance": {
    "md5sum": "7e766f8afb786cdaecc25a3e798960c7",
    "settings": {
      "fd_thres": 0.2,
      "testing": false
    },
    "software": "mriqc",
    "version": "21.0.0rc2",
    "webapi_port": null,
    "webapi_url": "https://mriqc.nimh.nih.gov/api/v1"
  },
  "size_t": 370,
  "size_x": 64,
  "size_y": 64,
  "size_z": 27,
  "snr": 7.042790455270748,
  "spacing_tr": 1.5,
  "spacing_x": 3.0,
  "spacing_y": 3.0,
  "spacing_z": 3.999999523162842,
  "summary_bg_k": 12.243474593162007,
  "summary_bg_mad": 21.886414440346357,
  "summary_bg_mean": 60.24842834472656,
  "summary_bg_median": 24.605405807495117,
  "summary_bg_n": 50480.0,
  "summary_bg_p05": 8.145811367034913,
  "summary_bg_p95": 232.17392349243107,
  "summary_bg_stdv": 82.51930236816406,
  "summary_fg_k": 2.850847612452675,
  "summary_fg_mad": 86.96062870832894,
  "summary_fg_mean": 706.5012817382812,
  "summary_fg_median": 700.8270263671875,
  "summary_fg_n": 31483.0,
  "summary_fg_p05": 566.161376953125,
  "summary_fg_p95": 869.44892578125,
  "summary_fg_stdv": 99.50827026367188,
  "tsnr": 78.25441347062588
}