{
  "aor": 0.0018623461538461534,
  "aqi": 0.021605840721153846,
  "bids_meta": {
    "CogAtlasID": "https://www.cognitiveatlas.org/task/id/trm_4c8991fadfe01",
    "DeviceSerialNumber": "45031",
    "DwellTime": 5.4e-06,
    "EchoTime": 0.028,
    "EffectiveEchoSpacing": 0.000390001,
    "FlipAngle": 64,
    "InstitutionAddress": "Washington Rd, Princeton, NJ 08540, USA",
    "InstitutionName": "Princeton University",
    "InstitutionalDepartmentName": "Princeton Neuroscience Institute",
    "MagneticFieldStrength": 3,
    "Manufacturer": "Siemens",
    "ManufacturersModelName": "Skyra",
    "NumberOfVolumesDiscardedByScanner": 3,
    "ParallelReductionFactorInPlane": 2,
    "ParallelReductionType": "GRAPPA",
    "PartialFourier": 1,
    "PhaseEncodingDirection": "j-",
    "PixelBandwidth": 1445,
    "PulseSequenceDetails": "%SiemensSeq%_ep2d_bold",
    "PulseSequenceType": "Gradient Echo EPI",
    "ReceiveCoilActiveElements": "HE1-4",
    "ReceiveCoilName": "HeadNeck_20",
    "RepetitionTime": 1.5,
    "ScanOptions": "FS",
    "ScanningSequence": "EP",
    "SequenceName": "_epfid2d1_64",
    "SequenceVariant": "SK",
    "SliceTiming": [
      0,
      0.7775,
      0.055,
      0.8325,
      0.1125,
      0.89,
      0.1675,
      0.945,
      0.2225,
      1,
      0.2775,
      1.055,
      0.3325,
      1.11,
      0.39,
      1.1675,
      0.445,
      1.2225,
      0.5,
      1.2775,
      0.555,
      1.3325,
      0.6125,
      1.39,
      0.6675,
      1.445,
      0.7225
    ],
    "SoftwareVersions": "syngo_MR_D11",
    "StationName": "AWP45031",
    "TaskDescription": "Passively listened to audio story 'tunnel'",
    "TaskName": "tunnel",
    "TotalReadoutTime": 0.0245701,
    "dataset": "ds002345",
    "modality": "bold",
    "subject_id": "066",
    "task_id": "tunnel"
  },
  "dummy_trs": 0,
  "dvars_nstd": 25.987115322040385,
  "dvars_std": 1.2460397080943235,
  "dvars_vstd": 0.9884033701347446,
  "efc": 0.6503055771294801,
  "fber": 734.9075317382812,
  "fd_mean": 0.18154152336901047,
  "fd_num": 323,
  "fd_perc": 31.057692307692307,
  "fwhm_avg": 1.8250740793395062,
  "fwhm_x": 1.7471266666666667,
  "fwhm_y": 2.13048,
  "fwhm_z": 1.5976155713518516,
  "gcor": 0.0855235,
  "gsr_x": -0.012728686444461346,
  "gsr_y": 0.07370264828205109,
  "provenance": {
    "md5sum": "cf00a8da74c318a851770c6cb2c54fbf",
    "settings": {
      "fd_thres": 0.2,
      "testing": false
    },
    "software": "mriqc",
    "version": "21.0.0rc2",
    "webapi_port": null,
    "webapi_url": "https://mriqc.nimh.nih.gov/api/v1"
  },
  "size_t": 1040,
  "size_x": 64,
  "size_y": 64,
  "size_z": 27,
  "snr": 7.079770276405741,
  "spacing_tr": 1.5,
  "spacing_x": 3.0,
  "spacing_y": 3.0,
  "spacing_z": 3.9999985694885254,
  "summary_bg_k": 12.092459598372331,
  "summary_bg_mad": 23.934047232276498,
  "summary_bg_mean": 63.526390075683594,
  "summary_bg_median": 25.118749618530273,
  "summary_bg_n": 49870.0,
  "summary_bg_p05": 7.420192241668701,
  "summary_bg_p95": 249.60153732299767,
  "summary_bg_stdv": 89.4805679321289,
  "summary_fg_k": 3.0982929140350564,
  "summary_fg_mad": 86.16344949422219,
  "summary_fg_mean": 715.9845581054688,
  "summary_fg_median": 709.450927734375,
  "summary_fg_n": 32006.0,
  "summary_fg_p05": 576.9048309326172,
  "summary_fg_p95": 882.5160980224609,
  "summary_fg_stdv": 100.20661926269531,
  "tsnr": 44.84725623624399
}