{
  "aor": 0.003345418149466192,
  "aqi": 0.0416595353202847,
  "bids_meta": {
    "CogAtlasID": "https://www.cognitiveatlas.org/task/id/trm_4c8991fadfe01",
    "DeviceSerialNumber": "45031",
    "DwellTime": 4.9e-06,
    "EchoTime": 0.028,
    "EffectiveEchoSpacing": 0.000355001,
    "FlipAngle": 64,
    "InstitutionAddress": "Washington Rd, Princeton, NJ 08540, USA",
    "InstitutionName": "Princeton University",
    "InstitutionalDepartmentName": "Princeton Neuroscience Institute",
    "MagneticFieldStrength": 3,
    "Manufacturer": "Siemens",
    "ManufacturersModelName": "Skyra",
    "NumberOfVolumesDiscardedByScanner": 3,
    "ParallelReductionFactorInPlane": 2,
    "ParallelReductionType": "GRAPPA",
    "PartialFourier": 1,
    "PhaseEncodingDirection": "j-",
    "PixelBandwidth": 1595,
    "PulseSequenceDetails": "%SiemensSeq%_ep2d_bold",
    "PulseSequenceType": "Gradient Echo EPI",
    "ReceiveCoilActiveElements": "HE1-4",
    "ReceiveCoilName": "HeadNeck_20",
    "RepetitionTime": 1.5,
    "ScanOptions": "FS",
    "ScanningSequence": "EP",
    "SequenceName": "_epfid2d1_64",
    "SequenceVariant": "SK",
    "SliceTiming": [
      0,
      0.7675,
      0.055,
      0.8225,
      0.11,
      0.8775,
      0.165,
      0.9325,
      0.22,
      0.9875,
      0.275,
      1.0425,
      0.33,
      1.0975,
      0.385,
      1.1525,
      0.44,
      1.2075,
      0.495,
      1.2625,
      0.55,
      1.315,
      0.6025,
      1.37,
      0.6575,
      1.425,
      0.7125
    ],
    "SoftwareVersions": "syngo_MR_E11",
    "StationName": "AWP45031",
    "TaskDescription": "Passively listened to audio story '21styear'",
    "TaskName": "21styear",
    "TotalReadoutTime": 0.022365,
    "dataset": "ds002345",
    "modality": "bold",
    "subject_id": "268",
    "task_id": "21styear"
  },
  "dummy_trs": 1,
  "dvars_nstd": 26.99703030825995,
  "dvars_std": 0.9704302414241212,
  "dvars_vstd": 0.8682366835246985,
  "efc": 0.6433688216368414,
  "fber": 1176.3453369140625,
  "fd_mean": 0.272665445013041,
  "fd_num": 673,
  "fd_perc": 29.937722419928825,
  "fwhm_avg": 1.7379191666666667,
  "fwhm_x": 1.6979199999999999,
  "fwhm_y": 1.9721399999999998,
  "fwhm_z": 1.5436975,
  "gcor": 0.0232825,
  "gsr_x": 0.0036134663969278336,
  "gsr_y": 0.06306976824998856,
  "provenance": {
    "md5sum": "767d0ed37a6994b3b352b1f79b2fd511",
    "settings": {
      "fd_thres": 0.2,
      "testing": false
    },
    "software": "mriqc",
    "version": "22.0.0rc1",
    "webapi_port": null,
    "webapi_url": "https://mriqc.nimh.nih.gov/api/v1"
  },
  "size_t": 2248,
  "size_x": 64,
  "size_y": 64,
  "size_z": 27,
  "snr": 7.365760947834347,
  "spacing_tr": 1.5,
  "spacing_x": 3.0,
  "spacing_y": 3.0,
  "spacing_z": 4.0,
  "summary_bg_k": 6.980787438727212,
  "summary_bg_mad": 20.354122843326518,
  "summary_bg_mean": 67.17321014404297,
  "summary_bg_median": 22.357650756835938,
  "summary_bg_n": 49555.0,
  "summary_bg_p05": 7.148353958129883,
  "summary_bg_p95": 282.7215362548828,
  "summary_bg_stdv": 94.41896057128906,
  "summary_fg_k": 2.2906857078368414,
  "summary_fg_mad": 104.29030670884539,
  "summary_fg_mean": 820.0261840820312,
  "summary_fg_median": 808.3961181640625,
  "summary_fg_n": 31744.0,
  "summary_fg_p05": 670.7952453613282,
  "summary_fg_p95": 1006.2718872070312,
  "summary_fg_stdv": 109.74879455566406,
  "tsnr": 31.117346110579092
}