{
  "aor": 0.0004413655172413793,
  "aqi": 0.004783151227586208,
  "bids_meta": {
    "CogAtlasID": "https://www.cognitiveatlas.org/task/id/trm_4c8991fadfe01",
    "DeviceSerialNumber": "45031",
    "DwellTime": 4.9e-06,
    "EchoTime": 0.028,
    "EffectiveEchoSpacing": 0.000355001,
    "FlipAngle": 64,
    "InstitutionAddress": "Washington Rd, Princeton, NJ 08540, USA",
    "InstitutionName": "Princeton University",
    "InstitutionalDepartmentName": "Princeton Neuroscience Institute",
    "MagneticFieldStrength": 3,
    "Manufacturer": "Siemens",
    "ManufacturersModelName": "Skyra",
    "NumberOfVolumesDiscardedByScanner": 3,
    "ParallelReductionFactorInPlane": 2,
    "ParallelReductionType": "GRAPPA",
    "PartialFourier": 1,
    "PhaseEncodingDirection": "j-",
    "PixelBandwidth": 1595,
    "PulseSequenceDetails": "%SiemensSeq%_ep2d_bold",
    "PulseSequenceType": "Gradient Echo EPI",
    "ReceiveCoilActiveElements": "HE1-4",
    "ReceiveCoilName": "HeadNeck_20",
    "RepetitionTime": 1.5,
    "ScanOptions": "FS",
    "ScanningSequence": "EP",
    "SequenceName": "_epfid2d1_64",
    "SequenceVariant": "SK",
    "SliceTiming": [
      0,
      0.7675,
      0.055,
      0.8225,
      0.1075,
      0.875,
      0.1625,
      0.93,
      0.2175,
      0.985,
      0.2725,
      1.04,
      0.3275,
      1.095,
      0.3825,
      1.15,
      0.4375,
      1.205,
      0.4925,
      1.26,
      0.5475,
      1.315,
      0.6025,
      1.37,
      0.6575,
      1.425,
      0.7125
    ],
    "SoftwareVersions": "syngo_MR_D13",
    "StationName": "AWP45031",
    "TaskDescription": "Passively listened to audio story 'sherlock'",
    "TaskName": "sherlock",
    "TotalReadoutTime": 0.022365,
    "dataset": "ds002345",
    "modality": "bold",
    "subject_id": "157",
    "task_id": "sherlock"
  },
  "dummy_trs": 0,
  "dvars_nstd": 18.08338863022102,
  "dvars_std": 1.137489267762431,
  "dvars_vstd": 1.0087718446270728,
  "efc": 0.6430098942418699,
  "fber": 1013.2626953125,
  "fd_mean": 0.06709187792087462,
  "fd_num": 3,
  "fd_perc": 0.41379310344827586,
  "fwhm_avg": 1.7041911111111112,
  "fwhm_x": 1.6568333333333334,
  "fwhm_y": 1.9044400000000001,
  "fwhm_z": 1.5513,
  "gcor": 0.0131674,
  "gsr_x": -0.010218155570328236,
  "gsr_y": 0.050320323556661606,
  "provenance": {
    "md5sum": "db8f59bed9956e6ad94c7940a914571b",
    "settings": {
      "fd_thres": 0.2,
      "testing": false
    },
    "software": "mriqc",
    "version": "22.0.0rc1",
    "webapi_port": null,
    "webapi_url": "https://mriqc.nimh.nih.gov/api/v1"
  },
  "size_t": 725,
  "size_x": 64,
  "size_y": 64,
  "size_z": 27,
  "snr": 6.493863601340454,
  "spacing_tr": 1.5,
  "spacing_x": 3.0,
  "spacing_y": 3.0,
  "spacing_z": 4.0,
  "summary_bg_k": 13.534633887797298,
  "summary_bg_mad": 17.28509711372381,
  "summary_bg_mean": 56.004234313964844,
  "summary_bg_median": 21.29034423828125,
  "summary_bg_n": 49468.0,
  "summary_bg_p05": 8.137034511566162,
  "summary_bg_p95": 230.83049087524338,
  "summary_bg_stdv": 84.54549407958984,
  "summary_fg_k": 1.765568910690531,
  "summary_fg_mad": 111.13073689697922,
  "summary_fg_mean": 729.56787109375,
  "summary_fg_median": 721.90966796875,
  "summary_fg_n": 32402.0,
  "summary_fg_p05": 575.7098571777344,
  "summary_fg_p95": 909.6409912109373,
  "summary_fg_stdv": 111.166259765625,
  "tsnr": 78.80797885567881
}