{
  "bids_meta": {
    "DeviceSerialNumber": "66018",
    "DwellTime": 9.8e-06,
    "EchoTime": 0.00267,
    "FlipAngle": 7,
    "InstitutionAddress": "Washington Rd, Building 25, Princeton, NJ 08540, USA",
    "InstitutionName": "Princeton University",
    "InstitutionalDepartmentName": "Princeton Neuroscience Institute",
    "InversionTime": 1.2,
    "MagneticFieldStrength": 3,
    "Manufacturer": "Siemens",
    "ManufacturersModelName": "Prisma",
    "ParallelReductionFactorInPlane": 2,
    "ParellelReductionType": "TODO",
    "PartialFourier": 1,
    "PixelBandwidth": 200,
    "PulseSequenceDetails": "%SiemensSeq%_tfl",
    "PulseSequenceType": "MPRAGE",
    "ReceiveCoilActiveElements": "HC1-7;NC1",
    "ReceiveCoilName": "HeadNeck_64",
    "RepetitionTime": 2.53,
    "ScanOptions": "IR",
    "ScanningSequence": "GR_IR",
    "SequenceName": "_tfl3d1_16",
    "SequenceVariant": "SK_SP_MP",
    "SoftwareVersions": "syngo_MR_D13D",
    "StationName": "AWP66018",
    "dataset": "ds002345",
    "modality": "T1w",
    "subject_id": "242"
  },
  "cjv": 0.36209554987656944,
  "cnr": 2.1002711249587893,
  "efc": 0.6656320671856623,
  "fber": 40.18669340265015,
  "fwhm_avg": 3.7476033333333336,
  "fwhm_x": 3.67708,
  "fwhm_y": 3.74617,
  "fwhm_z": 3.81956,
  "icvs_csf": 0.19310368058971653,
  "icvs_gm": 0.38188077440555024,
  "icvs_wm": 0.42501554500473326,
  "inu_med": 1.0796682834625244,
  "inu_range": 0.5068907886743546,
  "provenance": {
    "md5sum": "95bf94e2949a315369d770d87d962145",
    "settings": {
      "testing": false
    },
    "software": "mriqc",
    "version": "22.0.0rc1",
    "warnings": {
      "large_rot_frame": true,
      "small_air_mask": false
    },
    "webapi_port": null,
    "webapi_url": "https://mriqc.nimh.nih.gov/api/v1"
  },
  "qi_1": 0.0,
  "qi_2": 0.0005204965615167753,
  "rpve_csf": 29.151952956876286,
  "rpve_gm": 14.79629810325604,
  "rpve_wm": 17.351301306605702,
  "size_x": 176,
  "size_y": 256,
  "size_z": 256,
  "snr_csf": 2.352712399199302,
  "snr_gm": 11.186617561515742,
  "snr_total": 11.74728535241889,
  "snr_wm": 21.70252609654162,
  "snrd_csf": 2.4476549051363454,
  "snrd_gm": 4.841927998932883,
  "snrd_total": 4.657727798075153,
  "snrd_wm": 6.683600490156232,
  "spacing_x": 1.0,
  "spacing_y": 1.0,
  "spacing_z": 1.0,
  "summary_bg_k": 1.4418363096934943,
  "summary_bg_mad": 98.02147073010994,
  "summary_bg_mean": 141.72168996729505,
  "summary_bg_median": 118.32568645477295,
  "summary_bg_n": 3095069.0,
  "summary_bg_p05": 19.227924048900604,
  "summary_bg_p95": 344.7714689075947,
  "summary_bg_stdv": 104.38548534900588,
  "summary_csf_k": -1.2785925194893462,
  "summary_csf_mad": 212.92807176495916,
  "summary_csf_mean": 350.821563786748,
  "summary_csf_median": 366.2179995775223,
  "summary_csf_n": 5199.0,
  "summary_csf_p05": 130.01034799218178,
  "summary_csf_p95": 584.9726124107838,
  "summary_csf_stdv": 155.64281378638125,
  "summary_gm_k": 0.3959649082342067,
  "summary_gm_mad": 59.97510569280776,
  "summary_gm_mean": 720.9723138794271,
  "summary_gm_median": 724.4490153193474,
  "summary_gm_n": 8362.0,
  "summary_gm_p05": 609.5991459041834,
  "summary_gm_p95": 822.4374744147062,
  "summary_gm_stdv": 64.75645494390028,
  "summary_wm_k": 2.5179002034434763,
  "summary_wm_mad": 39.80066428974263,
  "summary_wm_mean": 1002.9409826673807,
  "summary_wm_median": 999.9999576508999,
  "summary_wm_n": 210954.0,
  "summary_wm_p05": 934.6250158846378,
  "summary_wm_p95": 1081.0530528724194,
  "summary_wm_stdv": 46.07747425414111,
  "tpm_overlap_csf": 0.16771811246871948,
  "tpm_overlap_gm": 0.4191211462020874,
  "tpm_overlap_wm": 0.5156304836273193,
  "wm2max": 0.35189715296934365
}