{
  "aor": 0.0022301618122977348,
  "aqi": 0.011903775954692558,
  "bids_meta": {
    "CogAtlasID": "https://www.cognitiveatlas.org/task/id/trm_4c8991fadfe01",
    "DeviceSerialNumber": "66018",
    "DwellTime": 4.2e-06,
    "EchoTime": 0.039,
    "EffectiveEchoSpacing": 0.000929976,
    "FlipAngle": 50,
    "InstitutionAddress": "Washington Rd, Princeton, NJ 08540, USA",
    "InstitutionName": "Princeton University",
    "InstitutionalDepartmentName": "Princeton Neuroscience Institute",
    "MagneticFieldStrength": 3,
    "Manufacturer": "Siemens",
    "ManufacturersModelName": "Prisma",
    "NumberOfVolumesDiscardedByScanner": 3,
    "ParallelReductionType": "GRAPPA",
    "PartialFourier": 0.75,
    "PhaseEncodingDirection": "j-",
    "PixelBandwidth": 1240,
    "PulseSequenceDetails": "%CustomerSeq%_ep2d_bold_sms_mgh_v22",
    "PulseSequenceType": "Gradient Echo EPI",
    "ReceiveCoilActiveElements": "HC1-7;NC1,2",
    "ReceiveCoilName": "HeadNeck_64",
    "RepetitionTime": 1.5,
    "ScanOptions": "PFP_FS",
    "ScanningSequence": "EP",
    "SequenceName": "epfSM2d1_96",
    "SequenceVariant": "SK",
    "SliceTiming": [
      0.6925,
      0,
      0.79,
      0.1,
      0.8875,
      0.1975,
      0.9875,
      0.2975,
      1.085,
      0.395,
      1.185,
      0.495,
      1.2825,
      0.5925,
      1.3825,
      0.6925,
      0,
      0.79,
      0.1,
      0.8875,
      0.1975,
      0.9875,
      0.2975,
      1.085,
      0.395,
      1.185,
      0.495,
      1.2825,
      0.5925,
      1.3825,
      0.6925,
      0,
      0.79,
      0.1,
      0.8875,
      0.1975,
      0.9875,
      0.2975,
      1.085,
      0.395,
      1.185,
      0.495,
      1.2825,
      0.5925,
      1.3825,
      0.6925,
      0,
      0.79,
      0.1,
      0.8875,
      0.1975,
      0.9875,
      0.2975,
      1.085,
      0.395,
      1.185,
      0.495,
      1.2825,
      0.5925,
      1.3825
    ],
    "SoftwareVersions": "syngo_MR_D13D",
    "StationName": "AWP66018",
    "TaskDescription": "Passively listened to audio story 'shapesphysical'",
    "TaskName": "shapesphysical",
    "TotalReadoutTime": 0.0883478,
    "dataset": "ds002345",
    "modality": "bold",
    "subject_id": "228",
    "task_id": "shapesphysical"
  },
  "dummy_trs": 1,
  "dvars_nstd": 37.04261650987012,
  "dvars_std": 0.9925834694155848,
  "dvars_vstd": 0.9488025879545453,
  "efc": 0.5818271314931286,
  "fber": 336.0774230957031,
  "fd_mean": 0.1940942083784412,
  "fd_num": 107,
  "fd_perc": 34.627831715210355,
  "fwhm_avg": 3.049376666666667,
  "fwhm_x": 2.793995,
  "fwhm_y": 3.27693,
  "fwhm_z": 3.077205,
  "gcor": 0.00695209,
  "gsr_x": 0.007601612247526646,
  "gsr_y": 0.054011788219213486,
  "provenance": {
    "md5sum": "607aedd737ccdbd14923c7d226227f53",
    "settings": {
      "fd_thres": 0.2,
      "testing": false
    },
    "software": "mriqc",
    "version": "22.0.0rc1",
    "webapi_port": null,
    "webapi_url": "https://mriqc.nimh.nih.gov/api/v1"
  },
  "size_t": 309,
  "size_x": 96,
  "size_y": 96,
  "size_z": 60,
  "snr": 2.1838374781738312,
  "spacing_tr": 1.5,
  "spacing_x": 2.0,
  "spacing_y": 2.0,
  "spacing_z": 2.0,
  "summary_bg_k": 47.51554328941411,
  "summary_bg_mad": 8.363026538064004,
  "summary_bg_mean": 44.612850189208984,
  "summary_bg_median": 26.789644241333008,
  "summary_bg_n": 314390.0,
  "summary_bg_p05": 19.63430404663086,
  "summary_bg_p95": 125.86764068603509,
  "summary_bg_stdv": 54.2617301940918,
  "summary_fg_k": 2.2659875894824504,
  "summary_fg_mad": 203.8506562667333,
  "summary_fg_mean": 548.4826049804688,
  "summary_fg_median": 505.83172607421875,
  "summary_fg_n": 151467.0,
  "summary_fg_p05": 266.5631103515625,
  "summary_fg_p95": 983.7832031249994,
  "summary_fg_stdv": 231.62440490722656,
  "tsnr": 31.047125205164775
}