{
  "aor": 0.0006738187702265371,
  "aqi": 0.0036090493851132686,
  "bids_meta": {
    "CogAtlasID": "https://www.cognitiveatlas.org/task/id/trm_4c8991fadfe01",
    "DeviceSerialNumber": "66018",
    "DwellTime": 4.2e-06,
    "EchoTime": 0.039,
    "EffectiveEchoSpacing": 0.000929976,
    "FlipAngle": 50,
    "InstitutionAddress": "Washington Rd, Princeton, NJ 08540, USA",
    "InstitutionName": "Princeton University",
    "InstitutionalDepartmentName": "Princeton Neuroscience Institute",
    "MagneticFieldStrength": 3,
    "Manufacturer": "Siemens",
    "ManufacturersModelName": "Prisma",
    "NumberOfVolumesDiscardedByScanner": 3,
    "ParallelReductionType": "GRAPPA",
    "PartialFourier": 0.75,
    "PhaseEncodingDirection": "j-",
    "PixelBandwidth": 1240,
    "PulseSequenceDetails": "%CustomerSeq%_ep2d_bold_sms_mgh_v22",
    "PulseSequenceType": "Gradient Echo EPI",
    "ReceiveCoilActiveElements": "HC1-7;NC1,2",
    "ReceiveCoilName": "HeadNeck_64",
    "RepetitionTime": 1.5,
    "ScanOptions": "PFP_FS",
    "ScanningSequence": "EP",
    "SequenceName": "epfSM2d1_96",
    "SequenceVariant": "SK",
    "SliceTiming": [
      0.6925,
      0,
      0.79,
      0.1,
      0.8875,
      0.1975,
      0.9875,
      0.2975,
      1.085,
      0.395,
      1.185,
      0.495,
      1.2825,
      0.5925,
      1.3825,
      0.6925,
      0,
      0.79,
      0.1,
      0.8875,
      0.1975,
      0.9875,
      0.2975,
      1.085,
      0.395,
      1.185,
      0.495,
      1.2825,
      0.5925,
      1.3825,
      0.6925,
      0,
      0.79,
      0.1,
      0.8875,
      0.1975,
      0.9875,
      0.2975,
      1.085,
      0.395,
      1.185,
      0.495,
      1.2825,
      0.5925,
      1.3825,
      0.6925,
      0,
      0.79,
      0.1,
      0.8875,
      0.1975,
      0.9875,
      0.2975,
      1.085,
      0.395,
      1.185,
      0.495,
      1.2825,
      0.5925,
      1.3825
    ],
    "SoftwareVersions": "syngo_MR_D13D",
    "StationName": "AWP66018",
    "TaskDescription": "Passively listened to audio story 'shapessocial'",
    "TaskName": "shapessocial",
    "TotalReadoutTime": 0.0883478,
    "dataset": "ds002345",
    "modality": "bold",
    "subject_id": "228",
    "task_id": "shapessocial"
  },
  "dummy_trs": 1,
  "dvars_nstd": 35.20475436509743,
  "dvars_std": 1.10875887487013,
  "dvars_vstd": 0.9988220954545448,
  "efc": 0.5780928273427757,
  "fber": 363.6191711425781,
  "fd_mean": 0.15400726017945843,
  "fd_num": 94,
  "fd_perc": 30.42071197411003,
  "fwhm_avg": 2.984178333333334,
  "fwhm_x": 2.75631,
  "fwhm_y": 3.184445,
  "fwhm_z": 3.01178,
  "gcor": 0.00729823,
  "gsr_x": 0.00677134795114398,
  "gsr_y": 0.052764005959033966,
  "provenance": {
    "md5sum": "ffc04bf35af8cdf8cb6b3c98e30b9a73",
    "settings": {
      "fd_thres": 0.2,
      "testing": false
    },
    "software": "mriqc",
    "version": "22.0.0rc1",
    "webapi_port": null,
    "webapi_url": "https://mriqc.nimh.nih.gov/api/v1"
  },
  "size_t": 309,
  "size_x": 96,
  "size_y": 96,
  "size_z": 60,
  "snr": 2.1653129176862214,
  "spacing_tr": 1.5,
  "spacing_x": 2.0,
  "spacing_y": 2.0,
  "spacing_z": 2.0,
  "summary_bg_k": 48.37558491973449,
  "summary_bg_mad": 7.019570980866284,
  "summary_bg_mean": 43.95976257324219,
  "summary_bg_median": 26.051780700683594,
  "summary_bg_n": 314629.0,
  "summary_bg_p05": 20.0129451751709,
  "summary_bg_p95": 124.16699523925774,
  "summary_bg_stdv": 54.98257827758789,
  "summary_fg_k": 2.4059053400533355,
  "summary_fg_mad": 207.7034855304853,
  "summary_fg_mean": 558.4723510742188,
  "summary_fg_median": 513.4628295898438,
  "summary_fg_n": 150639.0,
  "summary_fg_p05": 271.476708984375,
  "summary_fg_p95": 1005.9369201660157,
  "summary_fg_stdv": 237.13021850585938,
  "tsnr": 46.43673863844015
}