{
  "bids_meta": {
    "DeviceSerialNumber": "45031",
    "DwellTime": 8.2e-06,
    "EchoTime": 0.00308,
    "FlipAngle": 9,
    "InstitutionAddress": "Washington Rd, Princeton, NJ 08540, USA",
    "InstitutionName": "Princeton University",
    "InstitutionalDepartmentName": "Princeton Neuroscience Institute",
    "InversionTime": 0.9,
    "MagneticFieldStrength": 3,
    "Manufacturer": "Siemens",
    "ManufacturersModelName": "Skyra",
    "ParallelReductionFactorInPlane": 2,
    "ParallelReductionType": "GRAPPA",
    "PartialFourier": 1,
    "PixelBandwidth": 240,
    "PulseSequenceDetails": "%SiemensSeq%_tfl",
    "PulseSequenceType": "MPRAGE",
    "ReceiveCoilActiveElements": "HE1-4",
    "ReceiveCoilName": "HeadNeck_20",
    "RepetitionTime": 2.3,
    "ScanOptions": "IR",
    "ScanningSequence": "GR_IR",
    "SequenceName": "_tfl3d1_16ns",
    "SequenceVariant": "SK_SP_MP",
    "SoftwareVersions": "syngo_MR_D11",
    "StationName": "AWP45031",
    "dataset": "ds002345",
    "modality": "T1w",
    "subject_id": "091"
  },
  "cjv": 0.45467064714811095,
  "cnr": 2.9029410765803347,
  "efc": 0.6455854012970785,
  "fber": 1199.2010285551023,
  "fwhm_avg": 3.2475846028887965,
  "fwhm_x": 3.2898665359391157,
  "fwhm_y": 3.4036945454545458,
  "fwhm_z": 3.0491927272727275,
  "icvs_csf": 0.18277073183731493,
  "icvs_gm": 0.4403040855891664,
  "icvs_wm": 0.3769251825735187,
  "inu_med": 1.4135475158691406,
  "inu_range": 0.49331274032592765,
  "provenance": {
    "md5sum": "75047609ece27765e8629e170f689d59",
    "settings": {
      "testing": false
    },
    "software": "mriqc",
    "version": "21.0.0rc2",
    "warnings": {
      "large_rot_frame": true,
      "small_air_mask": false
    },
    "webapi_port": null,
    "webapi_url": "https://mriqc.nimh.nih.gov/api/v1"
  },
  "qi_1": 2.3970238551814068e-05,
  "qi_2": 0.003151514927638068,
  "rpve_csf": 21.946581264279203,
  "rpve_gm": 10.249605229364638,
  "rpve_wm": 14.097382079520097,
  "size_x": 192,
  "size_y": 256,
  "size_z": 256,
  "snr_csf": 2.3411220163683484,
  "snr_gm": 10.251097545199567,
  "snr_total": 9.784940119025578,
  "snr_wm": 16.762600795508817,
  "snrd_csf": 19.473397676003284,
  "snrd_gm": 41.60749374298251,
  "snrd_total": 39.42080080740717,
  "snrd_wm": 57.18151100323571,
  "spacing_x": 0.9000000357627869,
  "spacing_y": 0.859375,
  "spacing_z": 0.859375,
  "summary_bg_k": 731.9736873043495,
  "summary_bg_mad": 11.45713599771588,
  "summary_bg_mean": 20.53580799677166,
  "summary_bg_median": 18.003945261240005,
  "summary_bg_n": 2672395.0,
  "summary_bg_p05": 2.7129232585430145,
  "summary_bg_p95": 44.80433866381645,
  "summary_bg_stdv": 14.336616301176116,
  "summary_csf_k": 13.055289409571987,
  "summary_csf_mad": 143.9455065244942,
  "summary_csf_mean": 371.05896748169977,
  "summary_csf_median": 340.55407874286175,
  "summary_csf_n": 11434.0,
  "summary_csf_p05": 191.8488897666335,
  "summary_csf_p95": 608.9279568493366,
  "summary_csf_stdv": 145.45981963739328,
  "summary_gm_k": 0.5643844578210655,
  "summary_gm_mad": 65.45193649758966,
  "summary_gm_mean": 730.0132047396871,
  "summary_gm_median": 727.6389018595219,
  "summary_gm_n": 29955.0,
  "summary_gm_p05": 617.9710343778133,
  "summary_gm_p95": 851.7181465297937,
  "summary_gm_stdv": 70.98037581015517,
  "summary_wm_k": 0.19350037012416754,
  "summary_wm_mad": 58.38263981814795,
  "summary_wm_mean": 998.9517396769671,
  "summary_wm_median": 999.9999550580978,
  "summary_wm_n": 328447.0,
  "summary_wm_p05": 898.9641161262989,
  "summary_wm_p95": 1095.1166886985302,
  "summary_wm_stdv": 59.65652018685019,
  "tpm_overlap_csf": 0.1754477471113205,
  "tpm_overlap_gm": 0.4421355128288269,
  "tpm_overlap_wm": 0.5040808320045471,
  "wm2max": 0.4757035971603824
}