{
  "aor": 0.001486443341604632,
  "aqi": 0.013792716244830437,
  "bids_meta": {
    "CogAtlasID": "https://www.cognitiveatlas.org/task/id/trm_4c8991fadfe01",
    "DeviceSerialNumber": "45031",
    "DwellTime": 5.4e-06,
    "EchoTime": 0.028,
    "EffectiveEchoSpacing": 0.000390001,
    "FlipAngle": 64,
    "InstitutionAddress": "Washington Rd, Princeton, NJ 08540, USA",
    "InstitutionName": "Princeton University",
    "InstitutionalDepartmentName": "Princeton Neuroscience Institute",
    "MagneticFieldStrength": 3,
    "Manufacturer": "Siemens",
    "ManufacturersModelName": "Skyra",
    "NumberOfVolumesDiscardedByScanner": 3,
    "ParallelReductionFactorInPlane": 2,
    "ParallelReductionType": "GRAPPA",
    "PartialFourier": 1,
    "PhaseEncodingDirection": "j-",
    "PixelBandwidth": 1445,
    "PulseSequenceDetails": "%SiemensSeq%_ep2d_bold",
    "PulseSequenceType": "Gradient Echo EPI",
    "ReceiveCoilActiveElements": "HE1-4",
    "ReceiveCoilName": "HeadNeck_20",
    "RepetitionTime": 1.5,
    "ScanOptions": "FS",
    "ScanningSequence": "EP",
    "SequenceName": "_epfid2d1_64",
    "SequenceVariant": "SK",
    "SliceTiming": [
      0,
      0.7775,
      0.055,
      0.8325,
      0.11,
      0.8875,
      0.1675,
      0.945,
      0.2225,
      1,
      0.2775,
      1.055,
      0.3325,
      1.11,
      0.3875,
      1.165,
      0.445,
      1.2225,
      0.5,
      1.2775,
      0.555,
      1.3325,
      0.61,
      1.3875,
      0.6675,
      1.445,
      0.7225
    ],
    "SoftwareVersions": "syngo_MR_D11",
    "StationName": "AWP45031",
    "TaskDescription": "Passively listened to audio story 'slumlordreach'",
    "TaskName": "slumlordreach",
    "TotalReadoutTime": 0.0245701,
    "dataset": "ds002345",
    "modality": "bold",
    "subject_id": "136",
    "task_id": "slumlordreach"
  },
  "dummy_trs": 1,
  "dvars_nstd": 23.34996222816227,
  "dvars_std": 1.2457879206788078,
  "dvars_vstd": 1.0001729076738413,
  "efc": 0.5800184524928695,
  "fber": 1426.57666015625,
  "fd_mean": 0.1142166339548865,
  "fd_num": 75,
  "fd_perc": 6.20347394540943,
  "fwhm_avg": 1.6996441666666666,
  "fwhm_x": 1.6505633333333334,
  "fwhm_y": 1.8961066666666666,
  "fwhm_z": 1.5522625,
  "gcor": 0.10684,
  "gsr_x": -0.006271465681493282,
  "gsr_y": 0.02678007446229458,
  "provenance": {
    "md5sum": "ee89dc5556c9c6f804ae0db1399a0228",
    "settings": {
      "fd_thres": 0.2,
      "testing": false
    },
    "software": "mriqc",
    "version": "22.0.0rc1",
    "webapi_port": null,
    "webapi_url": "https://mriqc.nimh.nih.gov/api/v1"
  },
  "size_t": 1209,
  "size_x": 64,
  "size_y": 64,
  "size_z": 27,
  "snr": 6.936291694552081,
  "spacing_tr": 1.5,
  "spacing_x": 3.0,
  "spacing_y": 3.0,
  "spacing_z": 4.0,
  "summary_bg_k": 20.084664187931097,
  "summary_bg_mad": 10.96070942465027,
  "summary_bg_mean": 38.31570053100586,
  "summary_bg_median": 15.458230018615723,
  "summary_bg_n": 57523.0,
  "summary_bg_p05": 6.576509475708008,
  "summary_bg_p95": 152.97808380126946,
  "summary_bg_stdv": 65.67713928222656,
  "summary_fg_k": 2.001778103178715,
  "summary_fg_mad": 84.08030469618092,
  "summary_fg_mean": 619.3668823242188,
  "summary_fg_median": 614.5111694335938,
  "summary_fg_n": 25403.0,
  "summary_fg_p05": 495.0450805664063,
  "summary_fg_p95": 763.9069824218749,
  "summary_fg_stdv": 88.59187316894531,
  "tsnr": 47.98218211811036
}