{
  "aor": 0.00104465,
  "aqi": 0.00721818045,
  "bids_meta": {
    "CogAtlasID": "https://www.cognitiveatlas.org/task/id/trm_4c8991fadfe01",
    "DeviceSerialNumber": "45031",
    "DwellTime": 5.4e-06,
    "EchoTime": 0.028,
    "EffectiveEchoSpacing": 0.000390001,
    "FlipAngle": 64,
    "InstitutionAddress": "Washington Rd, Princeton, NJ 08540, USA",
    "InstitutionName": "Princeton University",
    "InstitutionalDepartmentName": "Princeton Neuroscience Institute",
    "MagneticFieldStrength": 3,
    "Manufacturer": "Siemens",
    "ManufacturersModelName": "Skyra",
    "NumberOfVolumesDiscardedByScanner": 3,
    "ParallelReductionFactorInPlane": 2,
    "ParallelReductionType": "GRAPPA",
    "PartialFourier": 1,
    "PhaseEncodingDirection": "j-",
    "PixelBandwidth": 1445,
    "PulseSequenceDetails": "%SiemensSeq%_ep2d_bold",
    "PulseSequenceType": "Gradient Echo EPI",
    "ReceiveCoilActiveElements": "HE1-4",
    "ReceiveCoilName": "HeadNeck_20",
    "RepetitionTime": 1.5,
    "ScanOptions": "FS",
    "ScanningSequence": "EP",
    "SequenceName": "_epfid2d1_64",
    "SequenceVariant": "SK",
    "SliceTiming": [
      0,
      0.7775,
      0.055,
      0.8325,
      0.11,
      0.8875,
      0.165,
      0.9425,
      0.2225,
      1,
      0.2775,
      1.055,
      0.3325,
      1.11,
      0.3875,
      1.165,
      0.445,
      1.2225,
      0.5,
      1.2775,
      0.555,
      1.3325,
      0.61,
      1.3875,
      0.665,
      1.4425,
      0.7225
    ],
    "SoftwareVersions": "syngo_MR_D11",
    "StationName": "AWP45031",
    "TaskDescription": "Passively listened to audio story 'notthefall'",
    "TaskName": "notthefall",
    "TotalReadoutTime": 0.0245701,
    "dataset": "ds002345",
    "modality": "bold",
    "subject_id": "136",
    "task_id": "notthefall"
  },
  "dummy_trs": 0,
  "dvars_nstd": 23.233511778997496,
  "dvars_std": 1.235744405538847,
  "dvars_vstd": 0.9958598310526322,
  "efc": 0.5794553448432734,
  "fber": 1451.354736328125,
  "fd_mean": 0.12055665777291578,
  "fd_num": 30,
  "fd_perc": 7.5,
  "fwhm_avg": 1.692231111111111,
  "fwhm_x": 1.6523566666666667,
  "fwhm_y": 1.8749466666666665,
  "fwhm_z": 1.54939,
  "gcor": 0.0565126,
  "gsr_x": -0.005260866601020098,
  "gsr_y": 0.025491246953606606,
  "provenance": {
    "md5sum": "85b3e726ee1e72da35d675b7281c1633",
    "settings": {
      "fd_thres": 0.2,
      "testing": false
    },
    "software": "mriqc",
    "version": "22.0.0rc1",
    "webapi_port": null,
    "webapi_url": "https://mriqc.nimh.nih.gov/api/v1"
  },
  "size_t": 400,
  "size_x": 64,
  "size_y": 64,
  "size_z": 27,
  "snr": 6.995957789364338,
  "spacing_tr": 1.5,
  "spacing_x": 3.0,
  "spacing_y": 3.0,
  "spacing_z": 4.0,
  "summary_bg_k": 18.842385429097934,
  "summary_bg_mad": 10.71180018035118,
  "summary_bg_mean": 37.353065490722656,
  "summary_bg_median": 15.257499694824219,
  "summary_bg_n": 57594.0,
  "summary_bg_p05": 6.585000038146973,
  "summary_bg_p95": 147.32874450683582,
  "summary_bg_stdv": 62.51715850830078,
  "summary_fg_k": 2.099849185423299,
  "summary_fg_mad": 81.47643025541561,
  "summary_fg_mean": 613.4251098632812,
  "summary_fg_median": 608.7025146484375,
  "summary_fg_n": 25319.0,
  "summary_fg_p05": 491.3732482910156,
  "summary_fg_p95": 754.8830078125,
  "summary_fg_stdv": 87.00602722167969,
  "tsnr": 68.39701766031794
}