{
  "bids_meta": {
    "DeviceSerialNumber": "45031",
    "DwellTime": 8.2e-06,
    "EchoTime": 0.00308,
    "FlipAngle": 9,
    "InstitutionAddress": "Washington Rd, Princeton, NJ 08540, USA",
    "InstitutionName": "Princeton University",
    "InstitutionalDepartmentName": "Princeton Neuroscience Institute",
    "InversionTime": 0.9,
    "MagneticFieldStrength": 3,
    "Manufacturer": "Siemens",
    "ManufacturersModelName": "Skyra",
    "ParallelReductionFactorInPlane": 2,
    "ParallelReductionType": "GRAPPA",
    "PartialFourier": 1,
    "PixelBandwidth": 240,
    "PulseSequenceDetails": "%SiemensSeq%_tfl",
    "PulseSequenceType": "MPRAGE",
    "ReceiveCoilActiveElements": "HE1-4",
    "ReceiveCoilName": "HeadNeck_20",
    "RepetitionTime": 2.3,
    "ScanOptions": "IR",
    "ScanningSequence": "GR_IR",
    "SequenceName": "_tfl3d1_16ns",
    "SequenceVariant": "SK_SP_MP",
    "SoftwareVersions": "syngo_MR_D13",
    "StationName": "AWP45031",
    "dataset": "ds002345",
    "modality": "T1w",
    "subject_id": "161"
  },
  "cjv": 0.4835826091476876,
  "cnr": 2.7729756526431855,
  "efc": 0.606157528378551,
  "fber": 1016.3277410030745,
  "fwhm_avg": 3.2739495992682155,
  "fwhm_x": 3.3090109796228284,
  "fwhm_y": 3.381853090909091,
  "fwhm_z": 3.130984727272727,
  "icvs_csf": 0.18319102181664246,
  "icvs_gm": 0.4388626453712606,
  "icvs_wm": 0.37794633281209694,
  "inu_med": 1.4980493783950806,
  "inu_range": 0.578219413757324,
  "provenance": {
    "md5sum": "adecb30de0e53ede3ddce2c391be7a2d",
    "settings": {
      "testing": false
    },
    "software": "mriqc",
    "version": "22.0.0rc1",
    "warnings": {
      "large_rot_frame": true,
      "small_air_mask": false
    },
    "webapi_port": null,
    "webapi_url": "https://mriqc.nimh.nih.gov/api/v1"
  },
  "qi_1": 0.0,
  "qi_2": 0.00414875334596839,
  "rpve_csf": 20.759010563016442,
  "rpve_gm": 9.774840929898374,
  "rpve_wm": 13.577035935342712,
  "size_x": 192,
  "size_y": 256,
  "size_z": 256,
  "snr_csf": 2.809443309318292,
  "snr_gm": 8.381801004542012,
  "snr_total": 8.772972683887021,
  "snr_wm": 15.127673737800759,
  "snrd_csf": 20.126250711064916,
  "snrd_gm": 34.84835746330169,
  "snrd_total": 34.880377954000686,
  "snrd_wm": 49.66652568763545,
  "spacing_x": 0.9000000357627869,
  "spacing_y": 0.859375,
  "spacing_z": 0.859375,
  "summary_bg_k": 2.4144614740337698,
  "summary_bg_mad": 13.191431567741898,
  "summary_bg_mean": 21.681451367348597,
  "summary_bg_median": 18.07129018753767,
  "summary_bg_n": 3842901.0,
  "summary_bg_p05": 3.0395136401057243,
  "summary_bg_p95": 47.85852386057377,
  "summary_bg_stdv": 14.117711423462689,
  "summary_csf_k": 23.27540611377327,
  "summary_csf_mad": 133.7988059013821,
  "summary_csf_mean": 396.0927279175273,
  "summary_csf_median": 405.2500640526414,
  "summary_csf_n": 17255.0,
  "summary_csf_p05": 186.66482222154735,
  "summary_csf_p95": 590.0524933710694,
  "summary_csf_stdv": 144.2415013549147,
  "summary_gm_k": 0.07312808884640498,
  "summary_gm_mad": 81.11501398797813,
  "summary_gm_mean": 705.7619968369903,
  "summary_gm_median": 701.6855397894979,
  "summary_gm_n": 32688.0,
  "summary_gm_p05": 574.4128140956163,
  "summary_gm_p95": 852.5918656323104,
  "summary_gm_stdv": 83.71408558276933,
  "summary_wm_k": 0.4048109970424121,
  "summary_wm_mad": 63.1713896815466,
  "summary_wm_mean": 997.802723124353,
  "summary_wm_median": 1000.0552514791489,
  "summary_wm_n": 326068.0,
  "summary_wm_p05": 885.1063719987869,
  "summary_wm_p95": 1102.07238201797,
  "summary_wm_stdv": 66.10756784579883,
  "tpm_overlap_csf": 0.17306619882583618,
  "tpm_overlap_gm": 0.4513385593891144,
  "tpm_overlap_wm": 0.5058031678199768,
  "wm2max": 0.5062590740245579
}