{
  "aor": 0.0011587044534412956,
  "aqi": 0.006275403927125506,
  "bids_meta": {
    "CogAtlasID": "https://www.cognitiveatlas.org/task/id/trm_4c8991fadfe01",
    "DeviceSerialNumber": "66018",
    "DwellTime": 4.2e-06,
    "EchoTime": 0.039,
    "EffectiveEchoSpacing": 0.000929976,
    "FlipAngle": 50,
    "InstitutionAddress": "Washington Rd, Princeton, NJ 08540, USA",
    "InstitutionName": "Princeton University",
    "InstitutionalDepartmentName": "Princeton Neuroscience Institute",
    "MagneticFieldStrength": 3,
    "Manufacturer": "Siemens",
    "ManufacturersModelName": "Prisma",
    "NumberOfVolumesDiscardedByScanner": 3,
    "ParallelReductionType": "GRAPPA",
    "PartialFourier": 0.75,
    "PhaseEncodingDirection": "j-",
    "PixelBandwidth": 1240,
    "PulseSequenceDetails": "%CustomerSeq%_ep2d_bold_sms_mgh_v22",
    "PulseSequenceType": "Gradient Echo EPI",
    "ReceiveCoilActiveElements": "HC1-7;NC1,2",
    "ReceiveCoilName": "HeadNeck_64",
    "RepetitionTime": 1.5,
    "ScanOptions": "PFP_FS",
    "ScanningSequence": "EP",
    "SequenceName": "epfSM2d1_96",
    "SequenceVariant": "SK",
    "SliceTiming": [
      0.6925,
      0,
      0.79,
      0.1,
      0.8875,
      0.1975,
      0.9875,
      0.2975,
      1.085,
      0.395,
      1.185,
      0.495,
      1.2825,
      0.5925,
      1.3825,
      0.6925,
      0,
      0.79,
      0.1,
      0.8875,
      0.1975,
      0.9875,
      0.2975,
      1.085,
      0.395,
      1.185,
      0.495,
      1.2825,
      0.5925,
      1.3825,
      0.6925,
      0,
      0.79,
      0.1,
      0.8875,
      0.1975,
      0.9875,
      0.2975,
      1.085,
      0.395,
      1.185,
      0.495,
      1.2825,
      0.5925,
      1.3825,
      0.6925,
      0,
      0.79,
      0.1,
      0.8875,
      0.1975,
      0.9875,
      0.2975,
      1.085,
      0.395,
      1.185,
      0.495,
      1.2825,
      0.5925,
      1.3825
    ],
    "SoftwareVersions": "syngo_MR_D13D",
    "StationName": "AWP66018",
    "TaskDescription": "Passively listened to audio story 'schema'",
    "TaskName": "schema",
    "TotalReadoutTime": 0.0883478,
    "dataset": "ds002345",
    "modality": "bold",
    "run_id": 2,
    "subject_id": "204",
    "task_id": "schema"
  },
  "dummy_trs": 0,
  "dvars_nstd": 37.016496434117634,
  "dvars_std": 1.1398777135496954,
  "dvars_vstd": 1.0094014391886408,
  "efc": 0.6166608397875405,
  "fber": 199.21304321289062,
  "fd_mean": 0.1086498418057064,
  "fd_num": 52,
  "fd_perc": 10.526315789473685,
  "fwhm_avg": 3.0987666666666667,
  "fwhm_x": 2.92454,
  "fwhm_y": 3.29942,
  "fwhm_z": 3.07234,
  "gcor": 0.0366667,
  "gsr_x": -0.005862219724804163,
  "gsr_y": 0.08601736277341843,
  "provenance": {
    "md5sum": "b59cea8202fcca774e2f32e9a02ebb2d",
    "settings": {
      "fd_thres": 0.2,
      "testing": false
    },
    "software": "mriqc",
    "version": "22.0.0rc1",
    "webapi_port": null,
    "webapi_url": "https://mriqc.nimh.nih.gov/api/v1"
  },
  "size_t": 494,
  "size_x": 96,
  "size_y": 96,
  "size_z": 60,
  "snr": 1.8508722066784793,
  "spacing_tr": 1.5,
  "spacing_x": 2.0,
  "spacing_y": 2.0,
  "spacing_z": 2.0,
  "summary_bg_k": 44.58788861188127,
  "summary_bg_mad": 10.27016944501189,
  "summary_bg_mean": 60.24161911010742,
  "summary_bg_median": 33.78744888305664,
  "summary_bg_n": 285688.0,
  "summary_bg_p05": 25.42510223388672,
  "summary_bg_p95": 180.91093597411967,
  "summary_bg_stdv": 72.6844711303711,
  "summary_fg_k": 4.8851985831044376,
  "summary_fg_mad": 217.25825687436495,
  "summary_fg_mean": 559.4267578125,
  "summary_fg_median": 501.41497802734375,
  "summary_fg_n": 172726.0,
  "summary_fg_p05": 254.90132522583008,
  "summary_fg_p95": 1074.0010681152344,
  "summary_fg_stdv": 270.9066162109375,
  "tsnr": 37.7835824447684
}