{
  "aor": 0.0008837621832358675,
  "aqi": 0.006670787407407407,
  "bids_meta": {
    "CogAtlasID": "https://www.cognitiveatlas.org/task/id/trm_4c8991fadfe01",
    "DeviceSerialNumber": "66018",
    "DwellTime": 4.2e-06,
    "EchoTime": 0.039,
    "EffectiveEchoSpacing": 0.000929976,
    "FlipAngle": 50,
    "InstitutionAddress": "Washington Rd, Princeton, NJ 08540, USA",
    "InstitutionName": "Princeton University",
    "InstitutionalDepartmentName": "Princeton Neuroscience Institute",
    "MagneticFieldStrength": 3,
    "Manufacturer": "Siemens",
    "ManufacturersModelName": "Prisma",
    "NumberOfVolumesDiscardedByScanner": 3,
    "ParallelReductionType": "GRAPPA",
    "PartialFourier": 0.75,
    "PhaseEncodingDirection": "j-",
    "PixelBandwidth": 1240,
    "PulseSequenceDetails": "%CustomerSeq%_ep2d_bold_sms_mgh_v22",
    "PulseSequenceType": "Gradient Echo EPI",
    "ReceiveCoilActiveElements": "HC1-7;NC1,2",
    "ReceiveCoilName": "HeadNeck_64",
    "RepetitionTime": 1.5,
    "ScanOptions": "PFP_FS",
    "ScanningSequence": "EP",
    "SequenceName": "epfSM2d1_96",
    "SequenceVariant": "SK",
    "SliceTiming": [
      0.6925,
      0,
      0.79,
      0.1,
      0.8875,
      0.1975,
      0.9875,
      0.2975,
      1.085,
      0.395,
      1.185,
      0.495,
      1.2825,
      0.5925,
      1.3825,
      0.6925,
      0,
      0.79,
      0.1,
      0.8875,
      0.1975,
      0.9875,
      0.2975,
      1.085,
      0.395,
      1.185,
      0.495,
      1.2825,
      0.5925,
      1.3825,
      0.6925,
      0,
      0.79,
      0.1,
      0.8875,
      0.1975,
      0.9875,
      0.2975,
      1.085,
      0.395,
      1.185,
      0.495,
      1.2825,
      0.5925,
      1.3825,
      0.6925,
      0,
      0.79,
      0.1,
      0.8875,
      0.1975,
      0.9875,
      0.2975,
      1.085,
      0.395,
      1.185,
      0.495,
      1.2825,
      0.5925,
      1.3825
    ],
    "SoftwareVersions": "syngo_MR_D13D",
    "StationName": "AWP66018",
    "TaskDescription": "Passively listened to audio story 'schema'",
    "TaskName": "schema",
    "TotalReadoutTime": 0.0883478,
    "dataset": "ds002345",
    "modality": "bold",
    "run_id": 4,
    "subject_id": "204",
    "task_id": "schema"
  },
  "dummy_trs": 0,
  "dvars_nstd": 35.9143280610547,
  "dvars_std": 1.1178467577539069,
  "dvars_vstd": 0.997685551152343,
  "efc": 0.622597837145303,
  "fber": 170.04466247558594,
  "fd_mean": 0.0963013959216773,
  "fd_num": 43,
  "fd_perc": 8.382066276803119,
  "fwhm_avg": 3.0960933333333336,
  "fwhm_x": 2.91819,
  "fwhm_y": 3.309315,
  "fwhm_z": 3.060775,
  "gcor": 0.0259622,
  "gsr_x": -0.006637014448642731,
  "gsr_y": 0.08736575394868851,
  "provenance": {
    "md5sum": "fa530c06e63289909fbc05169fb1f05c",
    "settings": {
      "fd_thres": 0.2,
      "testing": false
    },
    "software": "mriqc",
    "version": "22.0.0rc1",
    "webapi_port": null,
    "webapi_url": "https://mriqc.nimh.nih.gov/api/v1"
  },
  "size_t": 513,
  "size_x": 96,
  "size_y": 96,
  "size_z": 60,
  "snr": 1.8378914807926692,
  "spacing_tr": 1.5,
  "spacing_x": 2.0,
  "spacing_y": 2.0,
  "spacing_z": 2.0,
  "summary_bg_k": 41.77455454215056,
  "summary_bg_mad": 11.135409095739345,
  "summary_bg_mean": 64.22039794921875,
  "summary_bg_median": 36.35282516479492,
  "summary_bg_n": 285207.0,
  "summary_bg_p05": 27.052631378173828,
  "summary_bg_p95": 194.86627349853543,
  "summary_bg_stdv": 75.20457458496094,
  "summary_fg_k": 4.8808131068813205,
  "summary_fg_mad": 216.73157745772326,
  "summary_fg_mean": 556.7412109375,
  "summary_fg_median": 497.877197265625,
  "summary_fg_n": 173295.0,
  "summary_fg_p05": 253.46920166015624,
  "summary_fg_p95": 1071.2594360351552,
  "summary_fg_stdv": 270.89508056640625,
  "tsnr": 38.14392100274563
}