{
  "aor": 0.0010235714285714286,
  "aqi": 0.006993692837301588,
  "bids_meta": {
    "CogAtlasID": "https://www.cognitiveatlas.org/task/id/trm_4c8991fadfe01",
    "DeviceSerialNumber": "66018",
    "DwellTime": 4.2e-06,
    "EchoTime": 0.039,
    "EffectiveEchoSpacing": 0.000929976,
    "FlipAngle": 50,
    "InstitutionAddress": "Washington Rd, Princeton, NJ 08540, USA",
    "InstitutionName": "Princeton University",
    "InstitutionalDepartmentName": "Princeton Neuroscience Institute",
    "MagneticFieldStrength": 3,
    "Manufacturer": "Siemens",
    "ManufacturersModelName": "Prisma",
    "NumberOfVolumesDiscardedByScanner": 3,
    "ParallelReductionType": "GRAPPA",
    "PartialFourier": 0.75,
    "PhaseEncodingDirection": "j-",
    "PixelBandwidth": 1240,
    "PulseSequenceDetails": "%CustomerSeq%_ep2d_bold_sms_mgh_v22",
    "PulseSequenceType": "Gradient Echo EPI",
    "ReceiveCoilActiveElements": "HC1-7;NC1,2",
    "ReceiveCoilName": "HeadNeck_64",
    "RepetitionTime": 1.5,
    "ScanOptions": "PFP_FS",
    "ScanningSequence": "EP",
    "SequenceName": "epfSM2d1_96",
    "SequenceVariant": "SK",
    "SliceTiming": [
      0.6925,
      0,
      0.79,
      0.1,
      0.8875,
      0.1975,
      0.9875,
      0.2975,
      1.085,
      0.395,
      1.185,
      0.495,
      1.2825,
      0.5925,
      1.3825,
      0.6925,
      0,
      0.79,
      0.1,
      0.8875,
      0.1975,
      0.9875,
      0.2975,
      1.085,
      0.395,
      1.185,
      0.495,
      1.2825,
      0.5925,
      1.3825,
      0.6925,
      0,
      0.79,
      0.1,
      0.8875,
      0.1975,
      0.9875,
      0.2975,
      1.085,
      0.395,
      1.185,
      0.495,
      1.2825,
      0.5925,
      1.3825,
      0.6925,
      0,
      0.79,
      0.1,
      0.8875,
      0.1975,
      0.9875,
      0.2975,
      1.085,
      0.395,
      1.185,
      0.495,
      1.2825,
      0.5925,
      1.3825
    ],
    "SoftwareVersions": "syngo_MR_D13D",
    "StationName": "AWP66018",
    "TaskDescription": "Passively listened to audio story 'schema'",
    "TaskName": "schema",
    "TotalReadoutTime": 0.0883478,
    "dataset": "ds002345",
    "modality": "bold",
    "run_id": 3,
    "subject_id": "204",
    "task_id": "schema"
  },
  "dummy_trs": 0,
  "dvars_nstd": 35.49434429801194,
  "dvars_std": 1.107443216819085,
  "dvars_vstd": 0.9945767657455271,
  "efc": 0.6218283321304909,
  "fber": 165.8973388671875,
  "fd_mean": 0.09345120272363526,
  "fd_num": 31,
  "fd_perc": 6.150793650793651,
  "fwhm_avg": 3.103451666666667,
  "fwhm_x": 2.932395,
  "fwhm_y": 3.309145,
  "fwhm_z": 3.068815,
  "gcor": 0.0298809,
  "gsr_x": -0.005641902331262827,
  "gsr_y": 0.08647795766592026,
  "provenance": {
    "md5sum": "d4271f7af4a9b9ee46f831c8f8f5c810",
    "settings": {
      "fd_thres": 0.2,
      "testing": false
    },
    "software": "mriqc",
    "version": "22.0.0rc1",
    "webapi_port": null,
    "webapi_url": "https://mriqc.nimh.nih.gov/api/v1"
  },
  "size_t": 504,
  "size_x": 96,
  "size_y": 96,
  "size_z": 60,
  "snr": 1.8423259597470338,
  "spacing_tr": 1.5,
  "spacing_x": 2.0,
  "spacing_y": 2.0,
  "spacing_z": 2.0,
  "summary_bg_k": 44.10350898721828,
  "summary_bg_mad": 12.137338015410405,
  "summary_bg_mean": 63.3630485534668,
  "summary_bg_median": 36.98809814453125,
  "summary_bg_n": 285155.0,
  "summary_bg_p05": 27.017858505249023,
  "summary_bg_p95": 187.72222900390625,
  "summary_bg_stdv": 73.77721405029297,
  "summary_fg_k": 4.820381837098481,
  "summary_fg_mad": 216.74965300662137,
  "summary_fg_mean": 557.134033203125,
  "summary_fg_median": 498.93353271484375,
  "summary_fg_n": 173584.0,
  "summary_fg_p05": 252.620849609375,
  "summary_fg_p95": 1071.8600158691406,
  "summary_fg_stdv": 270.81640625,
  "tsnr": 37.500353038311005
}