{
  "aor": 0.001002562620423892,
  "aqi": 0.007288593102119461,
  "bids_meta": {
    "CogAtlasID": "https://www.cognitiveatlas.org/task/id/trm_4c8991fadfe01",
    "DeviceSerialNumber": "66018",
    "DwellTime": 4.2e-06,
    "EchoTime": 0.039,
    "EffectiveEchoSpacing": 0.000929976,
    "FlipAngle": 50,
    "InstitutionAddress": "Washington Rd, Princeton, NJ 08540, USA",
    "InstitutionName": "Princeton University",
    "InstitutionalDepartmentName": "Princeton Neuroscience Institute",
    "MagneticFieldStrength": 3,
    "Manufacturer": "Siemens",
    "ManufacturersModelName": "Prisma",
    "NumberOfVolumesDiscardedByScanner": 3,
    "ParallelReductionType": "GRAPPA",
    "PartialFourier": 0.75,
    "PhaseEncodingDirection": "j-",
    "PixelBandwidth": 1240,
    "PulseSequenceDetails": "%CustomerSeq%_ep2d_bold_sms_mgh_v22",
    "PulseSequenceType": "Gradient Echo EPI",
    "ReceiveCoilActiveElements": "HC1-7;NC1,2",
    "ReceiveCoilName": "HeadNeck_64",
    "RepetitionTime": 1.5,
    "ScanOptions": "PFP_FS",
    "ScanningSequence": "EP",
    "SequenceName": "epfSM2d1_96",
    "SequenceVariant": "SK",
    "SliceTiming": [
      0.6925,
      0,
      0.79,
      0.1,
      0.8875,
      0.1975,
      0.9875,
      0.2975,
      1.085,
      0.395,
      1.185,
      0.495,
      1.2825,
      0.5925,
      1.3825,
      0.6925,
      0,
      0.79,
      0.1,
      0.8875,
      0.1975,
      0.9875,
      0.2975,
      1.085,
      0.395,
      1.185,
      0.495,
      1.2825,
      0.5925,
      1.3825,
      0.6925,
      0,
      0.79,
      0.1,
      0.8875,
      0.1975,
      0.9875,
      0.2975,
      1.085,
      0.395,
      1.185,
      0.495,
      1.2825,
      0.5925,
      1.3825,
      0.6925,
      0,
      0.79,
      0.1,
      0.8875,
      0.1975,
      0.9875,
      0.2975,
      1.085,
      0.395,
      1.185,
      0.495,
      1.2825,
      0.5925,
      1.3825
    ],
    "SoftwareVersions": "syngo_MR_D13D",
    "StationName": "AWP66018",
    "TaskDescription": "Passively listened to audio story 'schema'",
    "TaskName": "schema",
    "TotalReadoutTime": 0.0883478,
    "dataset": "ds002345",
    "modality": "bold",
    "run_id": 1,
    "subject_id": "204",
    "task_id": "schema"
  },
  "dummy_trs": 0,
  "dvars_nstd": 37.51088548167954,
  "dvars_std": 1.128915359169883,
  "dvars_vstd": 0.998286386042471,
  "efc": 0.6114181647785842,
  "fber": 222.40460205078125,
  "fd_mean": 0.11084977441051656,
  "fd_num": 59,
  "fd_perc": 11.368015414258188,
  "fwhm_avg": 3.0897666666666663,
  "fwhm_x": 2.897995,
  "fwhm_y": 3.308425,
  "fwhm_z": 3.06288,
  "gcor": 0.0382293,
  "gsr_x": -0.007320561446249485,
  "gsr_y": 0.08560201525688171,
  "provenance": {
    "md5sum": "f0504e1e75efdbc725d33aa22ad2bb7e",
    "settings": {
      "fd_thres": 0.2,
      "testing": false
    },
    "software": "mriqc",
    "version": "22.0.0rc1",
    "webapi_port": null,
    "webapi_url": "https://mriqc.nimh.nih.gov/api/v1"
  },
  "size_t": 519,
  "size_x": 96,
  "size_y": 96,
  "size_z": 60,
  "snr": 1.8489951084262957,
  "spacing_tr": 1.5,
  "spacing_x": 2.0,
  "spacing_y": 2.0,
  "spacing_z": 2.0,
  "summary_bg_k": 47.74699832752882,
  "summary_bg_mad": 11.946515418469872,
  "summary_bg_mean": 56.69480514526367,
  "summary_bg_median": 32.16377639770508,
  "summary_bg_n": 285258.0,
  "summary_bg_p05": 22.077072143554688,
  "summary_bg_p95": 172.02919082641594,
  "summary_bg_stdv": 70.05107879638672,
  "summary_fg_k": 4.9227849690647165,
  "summary_fg_mad": 217.95112275183948,
  "summary_fg_mean": 561.8053588867188,
  "summary_fg_median": 503.4373779296875,
  "summary_fg_n": 172873.0,
  "summary_fg_p05": 256.004248046875,
  "summary_fg_p95": 1078.853979492187,
  "summary_fg_stdv": 272.2754211425781,
  "tsnr": 35.77821930870414
}