{
  "aor": 0.003295242105263158,
  "aqi": 0.011735912273684212,
  "bids_meta": {
    "CogAtlasID": "https://www.cognitiveatlas.org/task/id/trm_4c8991fadfe01",
    "DeviceSerialNumber": "45031",
    "DwellTime": 5.4e-06,
    "EchoTime": 0.028,
    "EffectiveEchoSpacing": 0.000390001,
    "FlipAngle": 64,
    "InstitutionAddress": "Washington Rd, Princeton, NJ 08540, USA",
    "InstitutionName": "Princeton University",
    "InstitutionalDepartmentName": "Princeton Neuroscience Institute",
    "MagneticFieldStrength": 3,
    "Manufacturer": "Siemens",
    "ManufacturersModelName": "Skyra",
    "NumberOfVolumesDiscardedByScanner": 3,
    "ParallelReductionFactorInPlane": 2,
    "ParallelReductionType": "GRAPPA",
    "PartialFourier": 1,
    "PhaseEncodingDirection": "j-",
    "PixelBandwidth": 1445,
    "PulseSequenceDetails": "%SiemensSeq%_ep2d_bold",
    "PulseSequenceType": "Gradient Echo EPI",
    "ReceiveCoilActiveElements": "HE1-4",
    "ReceiveCoilName": "HeadNeck_20",
    "RepetitionTime": 1.5,
    "ScanOptions": "FS",
    "ScanningSequence": "EP",
    "SequenceName": "_epfid2d1_64",
    "SequenceVariant": "SK",
    "SliceTiming": [
      0,
      0.7775,
      0.055,
      0.8325,
      0.11,
      0.8875,
      0.165,
      0.9425,
      0.22,
      0.9975,
      0.2775,
      1.055,
      0.3325,
      1.11,
      0.3875,
      1.165,
      0.4425,
      1.22,
      0.5,
      1.2775,
      0.555,
      1.3325,
      0.61,
      1.3875,
      0.665,
      1.4425,
      0.72
    ],
    "SoftwareVersions": "syngo_MR_D11",
    "StationName": "AWP45031",
    "TaskDescription": "Passively listened to audio story 'prettymouth'",
    "TaskName": "prettymouth",
    "TotalReadoutTime": 0.0245701,
    "dataset": "ds002345",
    "modality": "bold",
    "subject_id": "106",
    "task_id": "prettymouth"
  },
  "dummy_trs": 0,
  "dvars_nstd": 23.181949977594954,
  "dvars_std": 1.2230688698523204,
  "dvars_vstd": 1.0209691308860767,
  "efc": 0.6510612337126942,
  "fber": 1113.79541015625,
  "fd_mean": 0.168096525538491,
  "fd_num": 103,
  "fd_perc": 21.68421052631579,
  "fwhm_avg": 1.8601157834007631,
  "fwhm_x": 1.7807700000000002,
  "fwhm_y": 2.1613166666666666,
  "fwhm_z": 1.6382606835356226,
  "gcor": 0.0515436,
  "gsr_x": -0.017507558688521385,
  "gsr_y": 0.07380732893943787,
  "provenance": {
    "md5sum": "51f09c7638c924243c75ee03b156e21b",
    "settings": {
      "fd_thres": 0.2,
      "testing": false
    },
    "software": "mriqc",
    "version": "22.0.0rc1",
    "webapi_port": null,
    "webapi_url": "https://mriqc.nimh.nih.gov/api/v1"
  },
  "size_t": 475,
  "size_x": 64,
  "size_y": 64,
  "size_z": 27,
  "snr": 6.656419670366614,
  "spacing_tr": 1.5,
  "spacing_x": 3.0,
  "spacing_y": 3.0,
  "spacing_z": 3.9999983310699463,
  "summary_bg_k": 9.458218147009195,
  "summary_bg_mad": 20.07911546999417,
  "summary_bg_mean": 69.63027954101562,
  "summary_bg_median": 23.595788955688477,
  "summary_bg_n": 48905.0,
  "summary_bg_p05": 8.130525588989258,
  "summary_bg_p95": 302.5094604492186,
  "summary_bg_stdv": 105.43478393554688,
  "summary_fg_k": 2.8634727259115813,
  "summary_fg_mad": 108.88231054668573,
  "summary_fg_mean": 877.876708984375,
  "summary_fg_median": 865.4041748046875,
  "summary_fg_n": 32917.0,
  "summary_fg_p05": 705.9603881835938,
  "summary_fg_p95": 1096.819262695312,
  "summary_fg_stdv": 130.00848388671875,
  "tsnr": 58.78151203878224
}