{
  "aor": 0.0017655500000000003,
  "aqi": 0.00728142595,
  "bids_meta": {
    "CogAtlasID": "https://www.cognitiveatlas.org/task/id/trm_4c8991fadfe01",
    "DeviceSerialNumber": "45031",
    "DwellTime": 5.4e-06,
    "EchoTime": 0.028,
    "EffectiveEchoSpacing": 0.000390001,
    "FlipAngle": 64,
    "InstitutionAddress": "Washington Rd, Princeton, NJ 08540, USA",
    "InstitutionName": "Princeton University",
    "InstitutionalDepartmentName": "Princeton Neuroscience Institute",
    "MagneticFieldStrength": 3,
    "Manufacturer": "Siemens",
    "ManufacturersModelName": "Skyra",
    "NumberOfVolumesDiscardedByScanner": 3,
    "ParallelReductionFactorInPlane": 2,
    "ParallelReductionType": "GRAPPA",
    "PartialFourier": 1,
    "PhaseEncodingDirection": "j-",
    "PixelBandwidth": 1445,
    "PulseSequenceDetails": "%SiemensSeq%_ep2d_bold",
    "PulseSequenceType": "Gradient Echo EPI",
    "ReceiveCoilActiveElements": "HE1-4",
    "ReceiveCoilName": "HeadNeck_20",
    "RepetitionTime": 1.5,
    "ScanOptions": "FS",
    "ScanningSequence": "EP",
    "SequenceName": "_epfid2d1_64",
    "SequenceVariant": "SK",
    "SliceTiming": [
      0,
      0.7775,
      0.055,
      0.8325,
      0.11,
      0.8875,
      0.165,
      0.9425,
      0.2225,
      1,
      0.2775,
      1.055,
      0.3325,
      1.11,
      0.3875,
      1.165,
      0.445,
      1.2225,
      0.5,
      1.2775,
      0.555,
      1.3325,
      0.61,
      1.3875,
      0.665,
      1.4425,
      0.7225
    ],
    "SoftwareVersions": "syngo_MR_D11",
    "StationName": "AWP45031",
    "TaskDescription": "Passively listened to audio story 'notthefall'",
    "TaskName": "notthefall",
    "TotalReadoutTime": 0.0245701,
    "dataset": "ds002345",
    "modality": "bold",
    "subject_id": "106",
    "task_id": "notthefall"
  },
  "dummy_trs": 0,
  "dvars_nstd": 23.12850321127822,
  "dvars_std": 1.2485612285213032,
  "dvars_vstd": 1.0037459720050117,
  "efc": 0.6506645677381527,
  "fber": 1050.0335693359375,
  "fd_mean": 0.10130988575064188,
  "fd_num": 27,
  "fd_perc": 6.75,
  "fwhm_avg": 1.8664222876808456,
  "fwhm_x": 1.7977266666666667,
  "fwhm_y": 2.15422,
  "fwhm_z": 1.6473201963758701,
  "gcor": 0.0331805,
  "gsr_x": -0.017550049349665642,
  "gsr_y": 0.07554388046264648,
  "provenance": {
    "md5sum": "7c9b0dc69eab4175ce8b732a6874cf74",
    "settings": {
      "fd_thres": 0.2,
      "testing": false
    },
    "software": "mriqc",
    "version": "22.0.0rc1",
    "webapi_port": null,
    "webapi_url": "https://mriqc.nimh.nih.gov/api/v1"
  },
  "size_t": 400,
  "size_x": 64,
  "size_y": 64,
  "size_z": 27,
  "snr": 6.685748048212623,
  "spacing_tr": 1.5,
  "spacing_x": 3.0,
  "spacing_y": 3.0,
  "spacing_z": 3.999999523162842,
  "summary_bg_k": 9.156509874018875,
  "summary_bg_mad": 20.48214902653024,
  "summary_bg_mean": 67.71752166748047,
  "summary_bg_median": 23.427499771118164,
  "summary_bg_n": 48743.0,
  "summary_bg_p05": 7.804999828338623,
  "summary_bg_p95": 290.7649902343751,
  "summary_bg_stdv": 101.62596893310547,
  "summary_fg_k": 2.5063109029009727,
  "summary_fg_mad": 107.34781182108094,
  "summary_fg_mean": 849.8054809570312,
  "summary_fg_median": 837.66748046875,
  "summary_fg_n": 32972.0,
  "summary_fg_p05": 682.1691070556641,
  "summary_fg_p95": 1063.1724975585932,
  "summary_fg_stdv": 125.28961181640625,
  "tsnr": 71.69853976683225
}