{
  "aor": 0.0005144110275689223,
  "aqi": 0.00596551022556391,
  "bids_meta": {
    "CogAtlasID": "https://www.cognitiveatlas.org/task/id/trm_4c8991fadfe01",
    "DeviceSerialNumber": "45031",
    "DwellTime": 5.4e-06,
    "EchoTime": 0.028,
    "EffectiveEchoSpacing": 0.000390001,
    "FlipAngle": 64,
    "InstitutionAddress": "Washington Rd, Princeton, NJ 08540, USA",
    "InstitutionName": "Princeton University",
    "InstitutionalDepartmentName": "Princeton Neuroscience Institute",
    "MagneticFieldStrength": 3,
    "Manufacturer": "Siemens",
    "ManufacturersModelName": "Skyra",
    "NumberOfVolumesDiscardedByScanner": 3,
    "ParallelReductionFactorInPlane": 2,
    "ParallelReductionType": "GRAPPA",
    "PartialFourier": 1,
    "PhaseEncodingDirection": "j-",
    "PixelBandwidth": 1445,
    "PulseSequenceDetails": "%SiemensSeq%_ep2d_bold",
    "PulseSequenceType": "Gradient Echo EPI",
    "ReceiveCoilActiveElements": "HE1-4",
    "ReceiveCoilName": "HeadNeck_20",
    "RepetitionTime": 1.5,
    "ScanOptions": "FS",
    "ScanningSequence": "EP",
    "SequenceName": "_epfid2d1_64",
    "SequenceVariant": "SK",
    "SliceTiming": [
      0,
      0.7775,
      0.055,
      0.8325,
      0.11,
      0.8875,
      0.165,
      0.9425,
      0.2225,
      1,
      0.2775,
      1.055,
      0.3325,
      1.11,
      0.3875,
      1.165,
      0.445,
      1.2225,
      0.5,
      1.2775,
      0.555,
      1.3325,
      0.61,
      1.3875,
      0.665,
      1.4425,
      0.7225
    ],
    "SoftwareVersions": "syngo_MR_D11",
    "StationName": "AWP45031",
    "TaskDescription": "Passively listened to audio story 'notthefall'",
    "TaskName": "notthefall",
    "TotalReadoutTime": 0.0245701,
    "dataset": "ds002345",
    "modality": "bold",
    "subject_id": "142",
    "task_id": "notthefall"
  },
  "dummy_trs": 1,
  "dvars_nstd": 19.697402168040192,
  "dvars_std": 1.171856856080402,
  "dvars_vstd": 0.9973782499497486,
  "efc": 0.5838505302685951,
  "fber": 2034.7137451171875,
  "fd_mean": 0.10700395588289105,
  "fd_num": 16,
  "fd_perc": 4.010025062656641,
  "fwhm_avg": 1.717038271344709,
  "fwhm_x": 1.6633166666666668,
  "fwhm_y": 1.9278033333333333,
  "fwhm_z": 1.5599948140341264,
  "gcor": 0.0902323,
  "gsr_x": -0.00874296948313713,
  "gsr_y": 0.04644031822681427,
  "provenance": {
    "md5sum": "91dc17bf686be9c7b43d741429d4b7e5",
    "settings": {
      "fd_thres": 0.2,
      "testing": false
    },
    "software": "mriqc",
    "version": "22.0.0rc1",
    "webapi_port": null,
    "webapi_url": "https://mriqc.nimh.nih.gov/api/v1"
  },
  "size_t": 399,
  "size_x": 64,
  "size_y": 64,
  "size_z": 27,
  "snr": 7.11886863931339,
  "spacing_tr": 1.5,
  "spacing_x": 3.0,
  "spacing_y": 3.0,
  "spacing_z": 4.000000476837158,
  "summary_bg_k": 26.363661204683325,
  "summary_bg_mad": 9.880299480484684,
  "summary_bg_mean": 33.75965881347656,
  "summary_bg_median": 15.172932624816895,
  "summary_bg_n": 54557.0,
  "summary_bg_p05": 6.982456207275391,
  "summary_bg_p95": 113.37644042968735,
  "summary_bg_stdv": 53.4288444519043,
  "summary_fg_k": 2.5668195695912708,
  "summary_fg_mad": 91.68167250976724,
  "summary_fg_mean": 724.8136596679688,
  "summary_fg_median": 717.4411010742188,
  "summary_fg_n": 27390.0,
  "summary_fg_p05": 587.2342193603515,
  "summary_fg_p95": 890.4562744140625,
  "summary_fg_stdv": 100.77837371826172,
  "tsnr": 75.59159349836409
}