{
  "aor": 0.00010800000000000001,
  "aqi": 0.007010530446280991,
  "bids_meta": {
    "CogAtlasID": "https://www.cognitiveatlas.org/task/id/trm_4c8991fadfe01",
    "DeviceSerialNumber": "45031",
    "DwellTime": 5.4e-06,
    "EchoTime": 0.028,
    "EffectiveEchoSpacing": 0.000390001,
    "FlipAngle": 64,
    "InstitutionAddress": "Washington Rd, Princeton, NJ 08540, USA",
    "InstitutionName": "Princeton University",
    "InstitutionalDepartmentName": "Princeton Neuroscience Institute",
    "MagneticFieldStrength": 3,
    "Manufacturer": "Siemens",
    "ManufacturersModelName": "Skyra",
    "NumberOfVolumesDiscardedByScanner": 3,
    "ParallelReductionFactorInPlane": 2,
    "ParallelReductionType": "GRAPPA",
    "PartialFourier": 1,
    "PhaseEncodingDirection": "j-",
    "PixelBandwidth": 1445,
    "PulseSequenceDetails": "%SiemensSeq%_ep2d_bold",
    "PulseSequenceType": "Gradient Echo EPI",
    "ReceiveCoilActiveElements": "HE1-4",
    "ReceiveCoilName": "HeadNeck_20",
    "RepetitionTime": 1.5,
    "ScanOptions": "FS",
    "ScanningSequence": "EP",
    "SequenceName": "_epfid2d1_64",
    "SequenceVariant": "SK",
    "SliceTiming": [
      0,
      0.7775,
      0.055,
      0.8325,
      0.11,
      0.8875,
      0.1675,
      0.945,
      0.2225,
      1,
      0.2775,
      1.055,
      0.3325,
      1.11,
      0.3875,
      1.165,
      0.445,
      1.2225,
      0.5,
      1.2775,
      0.555,
      1.3325,
      0.61,
      1.3875,
      0.6675,
      1.445,
      0.7225
    ],
    "SoftwareVersions": "syngo_MR_D11",
    "StationName": "AWP45031",
    "TaskDescription": "Passively listened to audio story 'slumlordreach'",
    "TaskName": "slumlordreach",
    "TotalReadoutTime": 0.0245701,
    "dataset": "ds002345",
    "modality": "bold",
    "subject_id": "142",
    "task_id": "slumlordreach"
  },
  "dummy_trs": 1,
  "dvars_nstd": 20.575723792489654,
  "dvars_std": 1.177442426674938,
  "dvars_vstd": 0.971109490272952,
  "efc": 0.5845780567548099,
  "fber": 1933.541015625,
  "fd_mean": 0.10097559533220407,
  "fd_num": 34,
  "fd_perc": 2.809917355371901,
  "fwhm_avg": 1.719223826859733,
  "fwhm_x": 1.6661299999999999,
  "fwhm_y": 1.9305266666666665,
  "fwhm_z": 1.561014813912533,
  "gcor": 0.227677,
  "gsr_x": -0.010237800888717175,
  "gsr_y": 0.04853234067559242,
  "provenance": {
    "md5sum": "8cbe7c399c52053f10140bdc2a4ea970",
    "settings": {
      "fd_thres": 0.2,
      "testing": false
    },
    "software": "mriqc",
    "version": "22.0.0rc1",
    "webapi_port": null,
    "webapi_url": "https://mriqc.nimh.nih.gov/api/v1"
  },
  "size_t": 1210,
  "size_x": 64,
  "size_y": 64,
  "size_z": 27,
  "snr": 7.07497454387581,
  "spacing_tr": 1.5,
  "spacing_x": 3.0,
  "spacing_y": 3.0,
  "spacing_z": 4.000000476837158,
  "summary_bg_k": 28.222726379868636,
  "summary_bg_mad": 10.553431281303178,
  "summary_bg_mean": 34.802818298339844,
  "summary_bg_median": 15.701652526855469,
  "summary_bg_n": 54568.0,
  "summary_bg_p05": 7.039132380485535,
  "summary_bg_p95": 117.33264617919917,
  "summary_bg_stdv": 55.85349655151367,
  "summary_fg_k": 2.4400033477781022,
  "summary_fg_mad": 93.9976050401758,
  "summary_fg_mean": 734.44384765625,
  "summary_fg_median": 727.2545166015625,
  "summary_fg_n": 27364.0,
  "summary_fg_p05": 593.2252868652344,
  "summary_fg_p95": 902.9253509521484,
  "summary_fg_stdv": 102.7906494140625,
  "tsnr": 61.31356484955177
}