{
  "aor": 0.0005306999999999999,
  "aqi": 0.007263843633333333,
  "bids_meta": {
    "CogAtlasID": "https://www.cognitiveatlas.org/task/id/trm_4c8991fadfe01",
    "DeviceSerialNumber": "45031",
    "DwellTime": 5.4e-06,
    "EchoTime": 0.028,
    "EffectiveEchoSpacing": 0.000390001,
    "FlipAngle": 64,
    "InstitutionAddress": "Washington Rd, Princeton, NJ 08540, USA",
    "InstitutionName": "Princeton University",
    "InstitutionalDepartmentName": "Princeton Neuroscience Institute",
    "MagneticFieldStrength": 3,
    "Manufacturer": "Siemens",
    "ManufacturersModelName": "Skyra",
    "NumberOfVolumesDiscardedByScanner": 3,
    "ParallelReductionFactorInPlane": 2,
    "ParallelReductionType": "GRAPPA",
    "PartialFourier": 1,
    "PhaseEncodingDirection": "j-",
    "PixelBandwidth": 1445,
    "PulseSequenceDetails": "%SiemensSeq%_ep2d_bold",
    "PulseSequenceType": "Gradient Echo EPI",
    "ReceiveCoilActiveElements": "HE1-4",
    "ReceiveCoilName": "HeadNeck_20",
    "RepetitionTime": 1.5,
    "ScanOptions": "FS",
    "ScanningSequence": "EP",
    "SequenceName": "_epfid2d1_64",
    "SequenceVariant": "SK",
    "SliceTiming": [
      0,
      0.7775,
      0.055,
      0.8325,
      0.11,
      0.89,
      0.1675,
      0.945,
      0.2225,
      1,
      0.2775,
      1.055,
      0.3325,
      1.11,
      0.39,
      1.1675,
      0.445,
      1.2225,
      0.5,
      1.2775,
      0.555,
      1.3325,
      0.61,
      1.3875,
      0.6675,
      1.445,
      0.7225
    ],
    "SoftwareVersions": "syngo_MR_D11",
    "StationName": "AWP45031",
    "TaskDescription": "Passively listened to audio story 'pieman'",
    "TaskName": "pieman",
    "TotalReadoutTime": 0.0245701,
    "dataset": "ds002345",
    "modality": "bold",
    "subject_id": "033",
    "task_id": "pieman"
  },
  "dummy_trs": 0,
  "dvars_nstd": 24.853408009799303,
  "dvars_std": 1.2964115092976585,
  "dvars_vstd": 0.9973986959531781,
  "efc": 0.6490856159115238,
  "fber": 1164.0921630859375,
  "fd_mean": 0.14504262339390314,
  "fd_num": 44,
  "fd_perc": 14.666666666666666,
  "fwhm_avg": 1.8007525325452802,
  "fwhm_x": 1.7181499999999998,
  "fwhm_y": 2.04605,
  "fwhm_z": 1.6380575976358411,
  "gcor": 0.0570186,
  "gsr_x": -0.011643541045486927,
  "gsr_y": 0.04578659310936928,
  "provenance": {
    "md5sum": "0ca24b1400fee43ebca191c1791cbe7f",
    "settings": {
      "fd_thres": 0.2,
      "testing": false
    },
    "software": "mriqc",
    "version": "21.0.0rc2",
    "webapi_port": null,
    "webapi_url": "https://mriqc.nimh.nih.gov/api/v1"
  },
  "size_t": 300,
  "size_x": 64,
  "size_y": 64,
  "size_z": 27,
  "snr": 7.209429685961756,
  "spacing_tr": 1.5,
  "spacing_x": 3.0,
  "spacing_y": 3.0,
  "spacing_z": 3.999999761581421,
  "summary_bg_k": 10.761344495355681,
  "summary_bg_mad": 17.68744491922612,
  "summary_bg_mean": 63.8201904296875,
  "summary_bg_median": 21.376667022705078,
  "summary_bg_n": 48742.0,
  "summary_bg_p05": 7.960000038146973,
  "summary_bg_p95": 290.5821640014644,
  "summary_bg_stdv": 102.82439422607422,
  "summary_fg_k": 2.7747776575865464,
  "summary_fg_mad": 100.35246128394311,
  "summary_fg_mean": 825.1653442382812,
  "summary_fg_median": 815.0333251953125,
  "summary_fg_n": 32739.0,
  "summary_fg_p05": 670.7959899902344,
  "summary_fg_p95": 1013.5233459472654,
  "summary_fg_stdv": 113.04928588867188,
  "tsnr": 72.11505386908539
}