{
  "bids_meta": {
    "DeviceSerialNumber": "45031",
    "DwellTime": 8.2e-06,
    "EchoTime": 0.00308,
    "FlipAngle": 9,
    "InstitutionAddress": "Washington Rd, Princeton, NJ 08540, USA",
    "InstitutionName": "Princeton University",
    "InstitutionalDepartmentName": "Princeton Neuroscience Institute",
    "InversionTime": 0.9,
    "MagneticFieldStrength": 3,
    "Manufacturer": "Siemens",
    "ManufacturersModelName": "Skyra",
    "ParallelReductionFactorInPlane": 2,
    "ParallelReductionType": "GRAPPA",
    "PartialFourier": 1,
    "PixelBandwidth": 240,
    "PulseSequenceDetails": "%SiemensSeq%_tfl",
    "PulseSequenceType": "MPRAGE",
    "ReceiveCoilActiveElements": "HE1-4",
    "ReceiveCoilName": "HeadNeck_20",
    "RepetitionTime": 2.3,
    "ScanOptions": "IR",
    "ScanningSequence": "GR_IR",
    "SequenceName": "_tfl3d1_16ns",
    "SequenceVariant": "SK_SP_MP",
    "SoftwareVersions": "syngo_MR_D11",
    "StationName": "AWP45031",
    "dataset": "ds002345",
    "modality": "T1w",
    "subject_id": "020"
  },
  "cjv": 0.42776313224706897,
  "cnr": 3.0461798983197768,
  "efc": 0.6391033470904778,
  "fber": 592.2958888756285,
  "fwhm_avg": 3.291012890774121,
  "fwhm_x": 3.2905220914686217,
  "fwhm_y": 3.450693818181818,
  "fwhm_z": 3.131822762671922,
  "icvs_csf": 0.15811122245523096,
  "icvs_gm": 0.4541167229930175,
  "icvs_wm": 0.3877720545517516,
  "inu_med": 1.4010485410690308,
  "inu_range": 0.5929659605026245,
  "provenance": {
    "md5sum": "bee32908073b6e506024258fd58d836b",
    "settings": {
      "testing": false
    },
    "software": "mriqc",
    "version": "21.0.0rc2",
    "warnings": {
      "large_rot_frame": true,
      "small_air_mask": false
    },
    "webapi_port": null,
    "webapi_url": "https://mriqc.nimh.nih.gov/api/v1"
  },
  "qi_1": 3.883066708182819e-05,
  "qi_2": 0.00208394924185163,
  "rpve_csf": 22.72614669950721,
  "rpve_gm": 9.257420615322586,
  "rpve_wm": 12.565732863962848,
  "size_x": 192,
  "size_y": 256,
  "size_z": 256,
  "snr_csf": 2.1429180397894925,
  "snr_gm": 9.306241177203614,
  "snr_total": 9.06970822025367,
  "snr_wm": 15.759965443767904,
  "snrd_csf": 15.766497532545742,
  "snrd_gm": 32.54000682360489,
  "snrd_total": 31.741411429042518,
  "snrd_wm": 46.91772993097692,
  "spacing_x": 0.9000000357627869,
  "spacing_y": 0.859375,
  "spacing_z": 0.8593749403953552,
  "summary_bg_k": 191.97271944561908,
  "summary_bg_mad": 13.963514591632505,
  "summary_bg_mean": 25.95700536649384,
  "summary_bg_median": 21.975910760462284,
  "summary_bg_n": 2505239.0,
  "summary_bg_p05": 3.1394158229231834,
  "summary_bg_p95": 56.4454151019454,
  "summary_bg_stdv": 23.24325699355413,
  "summary_csf_k": 9.967191751913386,
  "summary_csf_mad": 173.07158902009812,
  "summary_csf_mean": 352.3108635103435,
  "summary_csf_median": 336.04563247412443,
  "summary_csf_n": 9986.0,
  "summary_csf_p05": 149.60277441889048,
  "summary_csf_p95": 578.8698359206319,
  "summary_csf_stdv": 156.80898661345,
  "summary_gm_k": 0.3935238105345067,
  "summary_gm_mad": 70.38751232924957,
  "summary_gm_mean": 695.8108287811342,
  "summary_gm_median": 693.5546180233359,
  "summary_gm_n": 43171.0,
  "summary_gm_p05": 576.851640034467,
  "summary_gm_p95": 823.199677567929,
  "summary_gm_stdv": 74.52488841906538,
  "summary_wm_k": 0.39681373858787117,
  "summary_wm_mad": 60.69854302076987,
  "summary_wm_mean": 998.118340322406,
  "summary_wm_median": 1000.0000441670418,
  "summary_wm_n": 338274.0,
  "summary_wm_p05": 890.6330480501056,
  "summary_wm_p95": 1098.7955380231142,
  "summary_wm_stdv": 63.45182479252184,
  "tpm_overlap_csf": 0.15841244161128998,
  "tpm_overlap_gm": 0.4405515193939209,
  "tpm_overlap_wm": 0.49127915501594543,
  "wm2max": 0.4586541287099618
}