{
  "aor": 0.0030954,
  "aqi": 0.027018166363636364,
  "bids_meta": {
    "AcquisitionMatrixPE": 96,
    "BandwidthPerPixelPhaseEncode": 20.425,
    "BaseResolution": 96,
    "BodyPartExamined": "BRAIN",
    "ConsistencyInfo": "N4_VE11C_LATEST_20160120",
    "ConversionSoftware": "dcm2niix",
    "ConversionSoftwareVersion": "v1.0.20180328 GCC6.3.0",
    "DerivedVendorReportedEchoSpacing": 0.000509996,
    "DeviceSerialNumber": "66018",
    "DwellTime": 2.1e-06,
    "EchoTime": 0.031,
    "EchoTrainLength": 96,
    "EffectiveEchoSpacing": 0.000509996,
    "FlipAngle": 67,
    "ImageOrientationPatientDICOM": [
      1,
      0,
      0,
      0,
      1,
      0
    ],
    "ImageType": [
      "ORIGINAL",
      "PRIMARY",
      "M",
      "ND",
      "NORM",
      "MOSAIC"
    ],
    "InPlanePhaseEncodingDirectionDICOM": "COL",
    "InstitutionAddress": "Washington Rd, Princeton, NJ 08540, USA",
    "InstitutionName": "Princeton University",
    "InstitutionalDepartmentName": "Princeton Neuroscience Institute",
    "MRAcquisitionType": "2D",
    "MagneticFieldStrength": 3,
    "Manufacturer": "Siemens",
    "ManufacturersModelName": "Prisma",
    "Modality": "MR",
    "MultibandAccelerationFactor": 3,
    "NumberOfVolumesDiscardedByScanner": 3,
    "PartialFourier": 1,
    "PatientPosition": "HFS",
    "PercentPhaseFOV": 100,
    "PhaseEncodingDirection": "j-",
    "PhaseEncodingSteps": 96,
    "PhaseResolution": 1,
    "PixelBandwidth": 2480,
    "ProcedureStepDescription": "Hasson_Nastase_042518_Storyteller",
    "ProtocolName": "func_task-black",
    "PulseSequenceDetails": "%SiemensSeq%_ep2d_bold",
    "ReceiveCoilActiveElements": "HC1-7",
    "ReceiveCoilName": "HeadNeck_64",
    "ReconMatrixPE": 96,
    "RepetitionTime": 1.5,
    "SAR": 0.0488455,
    "ScanOptions": "FS",
    "ScanningSequence": "EP",
    "SequenceName": "_epfid2d1_96",
    "SequenceVariant": "SK",
    "SeriesDescription": "func_task-black",
    "SeriesNumber": 14,
    "ShimSetting": [
      761,
      521,
      2059,
      486,
      -93,
      -15,
      215,
      23
    ],
    "SliceThickness": 2.5,
    "SliceTiming": [
      1.11,
      0,
      0.74,
      0.0925,
      0.8325,
      0.185,
      0.925,
      0.2775,
      1.0175,
      0.4625,
      1.2025,
      0.555,
      1.295,
      0.6475,
      1.3875,
      0.37,
      1.11,
      0,
      0.74,
      0.0925,
      0.8325,
      0.185,
      0.925,
      0.2775,
      1.0175,
      0.4625,
      1.2025,
      0.555,
      1.295,
      0.6475,
      1.3875,
      0.37,
      1.11,
      0,
      0.74,
      0.0925,
      0.8325,
      0.185,
      0.925,
      0.2775,
      1.0175,
      0.4625,
      1.2025,
      0.555,
      1.295,
      0.6475,
      1.3875,
      0.37
    ],
    "SoftwareVersions": "syngo_MR_E11",
    "SpacingBetweenSlices": 2.5,
    "StationName": "AWP66018",
    "TaskDescription": "Passively listened to audio story 'black'",
    "TaskName": "black",
    "TotalReadoutTime": 0.0484496,
    "TxRefAmp": 255.418,
    "dataset": "ds002345",
    "modality": "bold",
    "subject_id": "272",
    "task_id": "black"
  },
  "dummy_trs": 0,
  "dvars_nstd": 35.89113704861566,
  "dvars_std": 1.1444585986885243,
  "dvars_vstd": 0.9073153323861567,
  "efc": 0.4800757501238716,
  "fber": 4452.79931640625,
  "fd_mean": 0.26063006743320877,
  "fd_num": 336,
  "fd_perc": 61.09090909090909,
  "fwhm_avg": 2.0670439999999997,
  "fwhm_x": 1.9243999999999999,
  "fwhm_y": 2.20808,
  "fwhm_z": 2.068652,
  "gcor": 0.0285115,
  "gsr_x": -0.011798546649515629,
  "gsr_y": 0.03449801728129387,
  "provenance": {
    "md5sum": "67f1802d9ad5db5cca5caf28d642b737",
    "settings": {
      "fd_thres": 0.2,
      "testing": false
    },
    "software": "mriqc",
    "version": "22.0.0rc1",
    "webapi_port": null,
    "webapi_url": "https://mriqc.nimh.nih.gov/api/v1"
  },
  "size_t": 550,
  "size_x": 96,
  "size_y": 96,
  "size_z": 48,
  "snr": 6.131514585758387,
  "spacing_tr": 1.5,
  "spacing_x": 2.5,
  "spacing_y": 2.5,
  "spacing_z": 2.5,
  "summary_bg_k": 24.024454012487443,
  "summary_bg_mad": 7.66640104822088,
  "summary_bg_mean": 32.6342887878418,
  "summary_bg_median": 11.5,
  "summary_bg_n": 304212.0,
  "summary_bg_p05": 4.738182067871094,
  "summary_bg_p95": 137.6454620361328,
  "summary_bg_stdv": 61.29171371459961,
  "summary_fg_k": 1.4883130724052824,
  "summary_fg_mad": 121.02211161013904,
  "summary_fg_mean": 770.3587646484375,
  "summary_fg_median": 769.87451171875,
  "summary_fg_n": 76018.0,
  "summary_fg_p05": 582.3550201416016,
  "summary_fg_p95": 975.293646240234,
  "summary_fg_stdv": 125.5594253540039,
  "tsnr": 38.193974396563135
}