{
  "aor": 0.000903624678663239,
  "aqi": 0.011284965989717224,
  "bids_meta": {
    "AcquisitionMatrixPE": 96,
    "BandwidthPerPixelPhaseEncode": 20.425,
    "BaseResolution": 96,
    "BodyPartExamined": "BRAIN",
    "ConsistencyInfo": "N4_VE11C_LATEST_20160120",
    "ConversionSoftware": "dcm2niix",
    "ConversionSoftwareVersion": "v1.0.20180328 GCC6.3.0",
    "DerivedVendorReportedEchoSpacing": 0.000509996,
    "DeviceSerialNumber": "66018",
    "DwellTime": 2.1e-06,
    "EchoTime": 0.031,
    "EchoTrainLength": 96,
    "EffectiveEchoSpacing": 0.000509996,
    "FlipAngle": 67,
    "ImageOrientationPatientDICOM": [
      1,
      0,
      0,
      0,
      1,
      0
    ],
    "ImageType": [
      "ORIGINAL",
      "PRIMARY",
      "M",
      "ND",
      "NORM",
      "MOSAIC"
    ],
    "InPlanePhaseEncodingDirectionDICOM": "COL",
    "InstitutionAddress": "Washington Rd, Princeton, NJ 08540, USA",
    "InstitutionName": "Princeton University",
    "InstitutionalDepartmentName": "Princeton Neuroscience Institute",
    "MRAcquisitionType": "2D",
    "MagneticFieldStrength": 3,
    "Manufacturer": "Siemens",
    "ManufacturersModelName": "Prisma",
    "Modality": "MR",
    "MultibandAccelerationFactor": 3,
    "NumberOfVolumesDiscardedByScanner": 3,
    "PartialFourier": 1,
    "PatientPosition": "HFS",
    "PercentPhaseFOV": 100,
    "PhaseEncodingDirection": "j-",
    "PhaseEncodingSteps": 96,
    "PhaseResolution": 1,
    "PixelBandwidth": 2480,
    "ProcedureStepDescription": "Hasson_Nastase_042518_Storyteller",
    "ProtocolName": "func_task-bronx",
    "PulseSequenceDetails": "%SiemensSeq%_ep2d_bold",
    "ReceiveCoilActiveElements": "HC1-7",
    "ReceiveCoilName": "HeadNeck_64",
    "ReconMatrixPE": 96,
    "RepetitionTime": 1.5,
    "SAR": 0.0488193,
    "ScanOptions": "FS",
    "ScanningSequence": "EP",
    "SequenceName": "_epfid2d1_96",
    "SequenceVariant": "SK",
    "SeriesDescription": "func_task-bronx",
    "SeriesNumber": 8,
    "ShimSetting": [
      761,
      521,
      2059,
      486,
      -93,
      -15,
      215,
      23
    ],
    "SliceThickness": 2.5,
    "SliceTiming": [
      1.11,
      0,
      0.74,
      0.0925,
      0.8325,
      0.185,
      0.925,
      0.2775,
      1.0175,
      0.4625,
      1.2025,
      0.555,
      1.295,
      0.6475,
      1.3875,
      0.37,
      1.11,
      0,
      0.74,
      0.0925,
      0.8325,
      0.185,
      0.925,
      0.2775,
      1.0175,
      0.4625,
      1.2025,
      0.555,
      1.295,
      0.6475,
      1.3875,
      0.37,
      1.11,
      0,
      0.74,
      0.0925,
      0.8325,
      0.185,
      0.925,
      0.2775,
      1.0175,
      0.4625,
      1.2025,
      0.555,
      1.295,
      0.6475,
      1.3875,
      0.37
    ],
    "SoftwareVersions": "syngo_MR_E11",
    "SpacingBetweenSlices": 2.5,
    "StationName": "AWP66018",
    "TaskDescription": "Passively listened to audio story 'bronx'",
    "TaskName": "bronx",
    "TotalReadoutTime": 0.0484496,
    "TxRefAmp": 255.418,
    "dataset": "ds002345",
    "modality": "bold",
    "subject_id": "272",
    "task_id": "bronx"
  },
  "dummy_trs": 1,
  "dvars_nstd": 36.10206964332476,
  "dvars_std": 1.3442485003608255,
  "dvars_vstd": 1.0014589374742273,
  "efc": 0.48177196304476866,
  "fber": 4302.12548828125,
  "fd_mean": 0.23819129095616354,
  "fd_num": 223,
  "fd_perc": 57.326478149100254,
  "fwhm_avg": 2.0190946666666663,
  "fwhm_x": 1.879088,
  "fwhm_y": 2.15204,
  "fwhm_z": 2.026156,
  "gcor": 0.0214109,
  "gsr_x": -0.014444315806031227,
  "gsr_y": 0.03289416432380676,
  "provenance": {
    "md5sum": "ec092624a03a6477a9286bacee28bc5e",
    "settings": {
      "fd_thres": 0.2,
      "testing": false
    },
    "software": "mriqc",
    "version": "22.0.0rc1",
    "webapi_port": null,
    "webapi_url": "https://mriqc.nimh.nih.gov/api/v1"
  },
  "size_t": 389,
  "size_x": 96,
  "size_y": 96,
  "size_z": 48,
  "snr": 6.1277087746411585,
  "spacing_tr": 1.5,
  "spacing_x": 2.5,
  "spacing_y": 2.5,
  "spacing_z": 2.5,
  "summary_bg_k": 23.660257432782398,
  "summary_bg_mad": 7.706482842664198,
  "summary_bg_mean": 32.22844696044922,
  "summary_bg_median": 11.650385856628418,
  "summary_bg_n": 302810.0,
  "summary_bg_p05": 4.861182689666748,
  "summary_bg_p95": 136.2442169189453,
  "summary_bg_stdv": 59.88343048095703,
  "summary_fg_k": 1.4416521469836052,
  "summary_fg_mad": 121.29896839038305,
  "summary_fg_mean": 768.7898559570312,
  "summary_fg_median": 768.3380126953125,
  "summary_fg_n": 76888.0,
  "summary_fg_p05": 581.0378051757813,
  "summary_fg_p95": 971.7269836425779,
  "summary_fg_stdv": 125.38667297363281,
  "tsnr": 53.52048679837026
}