{
  "aor": 0.0014738775510204079,
  "aqi": 0.011177523775510203,
  "bids_meta": {
    "AcquisitionMatrixPE": 96,
    "BandwidthPerPixelPhaseEncode": 20.425,
    "BaseResolution": 96,
    "BodyPartExamined": "BRAIN",
    "ConsistencyInfo": "N4_VE11C_LATEST_20160120",
    "ConversionSoftware": "dcm2niix",
    "ConversionSoftwareVersion": "v1.0.20180328 GCC6.3.0",
    "DerivedVendorReportedEchoSpacing": 0.000509996,
    "DeviceSerialNumber": "66018",
    "DwellTime": 2.1e-06,
    "EchoTime": 0.031,
    "EchoTrainLength": 96,
    "EffectiveEchoSpacing": 0.000509996,
    "FlipAngle": 67,
    "ImageOrientationPatientDICOM": [
      1,
      0,
      0,
      0,
      1,
      0
    ],
    "ImageType": [
      "ORIGINAL",
      "PRIMARY",
      "M",
      "ND",
      "NORM",
      "MOSAIC"
    ],
    "InPlanePhaseEncodingDirectionDICOM": "COL",
    "InstitutionAddress": "Washington Rd, Princeton, NJ 08540, USA",
    "InstitutionName": "Princeton University",
    "InstitutionalDepartmentName": "Princeton Neuroscience Institute",
    "MRAcquisitionType": "2D",
    "MagneticFieldStrength": 3,
    "Manufacturer": "Siemens",
    "ManufacturersModelName": "Prisma",
    "Modality": "MR",
    "MultibandAccelerationFactor": 3,
    "NumberOfVolumesDiscardedByScanner": 3,
    "PartialFourier": 1,
    "PatientPosition": "HFS",
    "PercentPhaseFOV": 100,
    "PhaseEncodingDirection": "j-",
    "PhaseEncodingSteps": 96,
    "PhaseResolution": 1,
    "PixelBandwidth": 2480,
    "ProcedureStepDescription": "Hasson_Nastase_042518_Storyteller",
    "ProtocolName": "func_task-pieman",
    "PulseSequenceDetails": "%SiemensSeq%_ep2d_bold",
    "ReceiveCoilActiveElements": "HC1-7",
    "ReceiveCoilName": "HeadNeck_64",
    "ReconMatrixPE": 96,
    "RepetitionTime": 1.5,
    "SAR": 0.04879,
    "ScanOptions": "FS",
    "ScanningSequence": "EP",
    "SequenceName": "_epfid2d1_96",
    "SequenceVariant": "SK",
    "SeriesDescription": "func_task-pieman",
    "SeriesNumber": 9,
    "ShimSetting": [
      761,
      521,
      2059,
      486,
      -93,
      -15,
      215,
      23
    ],
    "SliceThickness": 2.5,
    "SliceTiming": [
      1.11,
      0,
      0.74,
      0.0925,
      0.8325,
      0.185,
      0.925,
      0.2775,
      1.0175,
      0.4625,
      1.2025,
      0.555,
      1.295,
      0.6475,
      1.3875,
      0.37,
      1.11,
      0,
      0.74,
      0.0925,
      0.8325,
      0.185,
      0.925,
      0.2775,
      1.0175,
      0.4625,
      1.2025,
      0.555,
      1.295,
      0.6475,
      1.3875,
      0.37,
      1.11,
      0,
      0.74,
      0.0925,
      0.8325,
      0.185,
      0.925,
      0.2775,
      1.0175,
      0.4625,
      1.2025,
      0.555,
      1.295,
      0.6475,
      1.3875,
      0.37
    ],
    "SoftwareVersions": "syngo_MR_E11",
    "SpacingBetweenSlices": 2.5,
    "StationName": "AWP66018",
    "TaskDescription": "Passively listened to audio story 'piemanpni'",
    "TaskName": "piemanpni",
    "TotalReadoutTime": 0.0484496,
    "TxRefAmp": 255.418,
    "dataset": "ds002345",
    "modality": "bold",
    "subject_id": "272",
    "task_id": "piemanpni"
  },
  "dummy_trs": 0,
  "dvars_nstd": 36.514232960648485,
  "dvars_std": 1.361779908634813,
  "dvars_vstd": 1.0162768768600685,
  "efc": 0.48211757574539094,
  "fber": 4307.74365234375,
  "fd_mean": 0.2519668679928394,
  "fd_num": 190,
  "fd_perc": 64.62585034013605,
  "fwhm_avg": 2.033,
  "fwhm_x": 1.9070360000000002,
  "fwhm_y": 2.165672,
  "fwhm_z": 2.026292,
  "gcor": 0.0230782,
  "gsr_x": -0.014508435502648354,
  "gsr_y": 0.032612066715955734,
  "provenance": {
    "md5sum": "161140d40b9da3714c7ff2e0f1deb27c",
    "settings": {
      "fd_thres": 0.2,
      "testing": false
    },
    "software": "mriqc",
    "version": "22.0.0rc1",
    "webapi_port": null,
    "webapi_url": "https://mriqc.nimh.nih.gov/api/v1"
  },
  "size_t": 294,
  "size_x": 96,
  "size_y": 96,
  "size_z": 48,
  "snr": 6.084651894724197,
  "spacing_tr": 1.5,
  "spacing_x": 2.5,
  "spacing_y": 2.5,
  "spacing_z": 2.5,
  "summary_bg_k": 23.51007276375355,
  "summary_bg_mad": 7.700453889245745,
  "summary_bg_mean": 32.55409240722656,
  "summary_bg_median": 11.693877220153809,
  "summary_bg_n": 302769.0,
  "summary_bg_p05": 4.863945484161377,
  "summary_bg_p95": 137.98638916015625,
  "summary_bg_stdv": 60.494102478027344,
  "summary_fg_k": 1.4436653703495734,
  "summary_fg_mad": 122.34997446135677,
  "summary_fg_mean": 767.9594116210938,
  "summary_fg_median": 767.3060913085938,
  "summary_fg_n": 76891.0,
  "summary_fg_p05": 579.3877563476562,
  "summary_fg_p95": 972.8316040039062,
  "summary_fg_stdv": 126.10435485839844,
  "tsnr": 52.69915532693267
}