{
  "bids_meta": {
    "DeviceSerialNumber": "66018",
    "DwellTime": 9.8e-06,
    "EchoTime": 0.00267,
    "FlipAngle": 7,
    "InstitutionAddress": "Washington Rd, Building 25, Princeton, NJ 08540, USA",
    "InstitutionName": "Princeton University",
    "InstitutionalDepartmentName": "Princeton Neuroscience Institute",
    "InversionTime": 1.2,
    "MagneticFieldStrength": 3,
    "Manufacturer": "Siemens",
    "ManufacturersModelName": "Prisma",
    "ParallelReductionFactorInPlane": 2,
    "ParellelReductionType": "TODO",
    "PartialFourier": 1,
    "PixelBandwidth": 200,
    "PulseSequenceDetails": "%SiemensSeq%_tfl",
    "PulseSequenceType": "MPRAGE",
    "ReceiveCoilActiveElements": "HC1-7;NC1",
    "ReceiveCoilName": "HeadNeck_64",
    "RepetitionTime": 2.53,
    "ScanOptions": "IR",
    "ScanningSequence": "GR_IR",
    "SequenceName": "_tfl3d1_16",
    "SequenceVariant": "SK_SP_MP",
    "SoftwareVersions": "syngo_MR_D13D",
    "StationName": "AWP66018",
    "dataset": "ds002345",
    "modality": "T1w",
    "subject_id": "204"
  },
  "cjv": 0.39081146345545154,
  "cnr": 3.0775099705831597,
  "efc": 0.5993672312536323,
  "fber": 336.7978065858403,
  "fwhm_avg": 4.005203333333333,
  "fwhm_x": 3.86814,
  "fwhm_y": 4.09715,
  "fwhm_z": 4.05032,
  "icvs_csf": 0.16973508291436873,
  "icvs_gm": 0.41119790026049524,
  "icvs_wm": 0.41906701682513603,
  "inu_med": 1.296098232269287,
  "inu_range": 0.6408219575881955,
  "provenance": {
    "md5sum": "5c65e1ce043820f52961527e473db41d",
    "settings": {
      "testing": false
    },
    "software": "mriqc",
    "version": "22.0.0rc1",
    "warnings": {
      "large_rot_frame": true,
      "small_air_mask": false
    },
    "webapi_port": null,
    "webapi_url": "https://mriqc.nimh.nih.gov/api/v1"
  },
  "qi_1": 2.4485501909165542e-05,
  "qi_2": 0.002011434053571797,
  "rpve_csf": 25.980003452379872,
  "rpve_gm": 11.616385389641318,
  "rpve_wm": 13.93520387836137,
  "size_x": 176,
  "size_y": 256,
  "size_z": 256,
  "snr_csf": 1.9262951656035603,
  "snr_gm": 10.831311048436794,
  "snr_total": 9.775045899774113,
  "snr_wm": 16.567531485281986,
  "snrd_csf": 11.012726070560285,
  "snrd_gm": 19.081093362172435,
  "snrd_total": 18.94524684515513,
  "snrd_wm": 26.741921102732668,
  "spacing_x": 1.0,
  "spacing_y": 1.0,
  "spacing_z": 1.0,
  "summary_bg_k": 28.640525209622826,
  "summary_bg_mad": 24.498478789801247,
  "summary_bg_mean": 40.51221654954494,
  "summary_bg_median": 37.32876765727997,
  "summary_bg_n": 3312008.0,
  "summary_bg_p05": 7.363013803958893,
  "summary_bg_p95": 83.73287791013718,
  "summary_bg_stdv": 26.120738347256562,
  "summary_csf_k": 15.726214935848589,
  "summary_csf_mad": 180.50174528029729,
  "summary_csf_mean": 406.4334549357086,
  "summary_csf_median": 411.8150743842125,
  "summary_csf_n": 10835.0,
  "summary_csf_p05": 155.96746798455715,
  "summary_csf_p95": 619.7774061262608,
  "summary_csf_stdv": 213.77620489992492,
  "summary_gm_k": 0.18766267775942147,
  "summary_gm_mad": 64.10223724792554,
  "summary_gm_mean": 712.1891272569538,
  "summary_gm_median": 713.5274074673653,
  "summary_gm_n": 20429.0,
  "summary_gm_p05": 601.8322003901005,
  "summary_gm_p95": 818.3219295144081,
  "summary_gm_stdv": 65.87475333980633,
  "summary_wm_k": 3.5337873829292032,
  "summary_wm_mad": 47.85454147023353,
  "summary_wm_mean": 1007.3145084563353,
  "summary_wm_median": 1000.0000143051147,
  "summary_wm_n": 264370.0,
  "summary_wm_p05": 925.5993283092976,
  "summary_wm_p95": 1115.1541255414486,
  "summary_wm_stdv": 60.358908863576836,
  "tpm_overlap_csf": 0.18558736145496368,
  "tpm_overlap_gm": 0.4417789578437805,
  "tpm_overlap_wm": 0.5153082609176636,
  "wm2max": 0.32059875110590574
}