{
  "bids_meta": {
    "AcquisitionMatrixPE": 256,
    "BaseResolution": 256,
    "BodyPartExamined": "BRAIN",
    "ConsistencyInfo": "N4_VE11C_LATEST_20160120",
    "ConversionSoftware": "dcm2niix",
    "ConversionSoftwareVersion": "v1.0.20180328 GCC6.3.0",
    "DeviceSerialNumber": "66018",
    "DwellTime": 9.8e-06,
    "EchoTime": 0.428,
    "EchoTrainLength": 175,
    "FlipAngle": 120,
    "ImageOrientationPatientDICOM": [
      0,
      1,
      0,
      0,
      0,
      -1
    ],
    "ImageType": [
      "ORIGINAL",
      "PRIMARY",
      "M",
      "ND"
    ],
    "InPlanePhaseEncodingDirectionDICOM": "ROW",
    "InstitutionAddress": "Washington Rd, Princeton, NJ 08540, USA",
    "InstitutionName": "Princeton University",
    "InstitutionalDepartmentName": "Princeton Neuroscience Institute",
    "MRAcquisitionType": "3D",
    "MagneticFieldStrength": 3,
    "Manufacturer": "Siemens",
    "ManufacturersModelName": "Prisma",
    "Modality": "MR",
    "ParallelReductionFactorInPlane": 2,
    "ParallelReductionType": "GRAPPA",
    "PartialFourier": 1,
    "PatientPosition": "HFS",
    "PercentPhaseFOV": 100,
    "PhaseEncodingSteps": 175,
    "PhaseResolution": 1,
    "PixelBandwidth": 200,
    "ProcedureStepDescription": "Hasson_Nastase_042518_Storyteller",
    "ProtocolName": "anat-T2w",
    "PulseSequenceDetails": "%SiemensSeq%_tse_vfl",
    "ReceiveCoilActiveElements": "HC1-7;NC1",
    "ReceiveCoilName": "HeadNeck_64",
    "ReconMatrixPE": 256,
    "RepetitionTime": 3.2,
    "SAR": 0.0485689,
    "ScanOptions": "PFP",
    "ScanningSequence": "SE",
    "SequenceName": "_spc_230ns",
    "SequenceVariant": "SK_SP",
    "SeriesDescription": "anat-T2w",
    "SeriesNumber": 13,
    "ShimSetting": [
      742,
      495,
      2002,
      488,
      -24,
      -430,
      85,
      74
    ],
    "SliceThickness": 1,
    "SoftwareVersions": "syngo_MR_E11",
    "StationName": "AWP66018",
    "TxRefAmp": 231.4,
    "dataset": "ds002345",
    "modality": "T2w",
    "subject_id": "276"
  },
  "cjv": 0.42857644975505593,
  "cnr": 2.401232483484632,
  "efc": 0.49732512403304185,
  "fber": 1484.9734720946842,
  "fwhm_avg": 2.4718933333333335,
  "fwhm_x": 2.64586,
  "fwhm_y": 2.14699,
  "fwhm_z": 2.62283,
  "icvs_csf": 0.26268766128443377,
  "icvs_gm": 0.08207570493574276,
  "icvs_wm": 0.6552366337798234,
  "inu_med": 0.9545368552207947,
  "inu_range": 0.29985201358795166,
  "provenance": {
    "md5sum": "6d30dbf27f9b3a13c3f220955a1c86bd",
    "settings": {
      "testing": false
    },
    "software": "mriqc",
    "version": "22.0.0rc1",
    "warnings": {
      "large_rot_frame": true,
      "small_air_mask": false
    },
    "webapi_port": null,
    "webapi_url": "https://mriqc.nimh.nih.gov/api/v1"
  },
  "qi_1": 0.0,
  "qi_2": 0.01777073783962796,
  "rpve_csf": 18.153324374072493,
  "rpve_gm": 81.40246925788065,
  "rpve_wm": 10.077007880698565,
  "size_x": 176,
  "size_y": 256,
  "size_z": 256,
  "snr_csf": 5.311014115563221,
  "snr_gm": 3.3433451219980705,
  "snr_total": 4.942525523357329,
  "snr_wm": 6.1732173325106965,
  "snrd_csf": 67.91157950097634,
  "snrd_gm": 109.08255612384889,
  "snrd_total": 68.95007840538386,
  "snrd_wm": 29.856099591326373,
  "spacing_x": 1.0,
  "spacing_y": 1.0,
  "spacing_z": 1.0,
  "summary_bg_k": 12.135093015519782,
  "summary_bg_mad": 21.94969713198278,
  "summary_bg_mean": 27.682539594962993,
  "summary_bg_median": 14.804845735430717,
  "summary_bg_n": 3830722.0,
  "summary_bg_p05": 0.0,
  "summary_bg_p95": 88.8290744125843,
  "summary_bg_stdv": 31.838210187378124,
  "summary_csf_k": 0.9527718091639517,
  "summary_csf_mad": 406.6236822227921,
  "summary_csf_mean": 2266.027319372069,
  "summary_csf_median": 2275.3103824704885,
  "summary_csf_n": 19119.0,
  "summary_csf_p05": 1570.3604552298784,
  "summary_csf_p95": 2950.3664848372337,
  "summary_csf_stdv": 428.4023405470577,
  "summary_gm_k": 0.3664766311660643,
  "summary_gm_mad": 1004.5866434849897,
  "summary_gm_mean": 3649.3376620922572,
  "summary_gm_median": 3654.7032821029425,
  "summary_gm_n": 5587.0,
  "summary_gm_p05": 1791.2517444804312,
  "summary_gm_p95": 5418.274451375008,
  "summary_gm_stdv": 1093.029903300796,
  "summary_wm_k": 1.5430921716884143,
  "summary_wm_mad": 133.02846746656232,
  "summary_wm_mean": 1013.6370124731117,
  "summary_wm_median": 1000.2991224676371,
  "summary_wm_n": 324066.0,
  "summary_wm_p05": 764.6179418712854,
  "summary_wm_p95": 1305.3686709553003,
  "summary_wm_stdv": 162.03828979766695,
  "tpm_overlap_csf": 0.13596637547016144,
  "tpm_overlap_gm": 0.06073122099041939,
  "tpm_overlap_wm": 0.4494158625602722,
  "wm2max": 0.19318598461528663
}