{
  "bids_meta": {
    "DeviceSerialNumber": "45031",
    "DwellTime": 8.2e-06,
    "EchoTime": 0.00308,
    "FlipAngle": 9,
    "InstitutionAddress": "Washington Rd, Princeton, NJ 08540, USA",
    "InstitutionName": "Princeton University",
    "InstitutionalDepartmentName": "Princeton Neuroscience Institute",
    "InversionTime": 0.9,
    "MagneticFieldStrength": 3,
    "Manufacturer": "Siemens",
    "ManufacturersModelName": "Skyra",
    "ParallelReductionFactorInPlane": 2,
    "ParallelReductionType": "GRAPPA",
    "PartialFourier": 1,
    "PixelBandwidth": 240,
    "PulseSequenceDetails": "%SiemensSeq%_tfl",
    "PulseSequenceType": "MPRAGE",
    "ReceiveCoilActiveElements": "HE1-4",
    "ReceiveCoilName": "HeadNeck_20",
    "RepetitionTime": 2.3,
    "ScanOptions": "IR",
    "ScanningSequence": "GR_IR",
    "SequenceName": "_tfl3d1_16ns",
    "SequenceVariant": "SK_SP_MP",
    "SoftwareVersions": "syngo_MR_D11",
    "StationName": "AWP45031",
    "dataset": "ds002345",
    "modality": "T1w",
    "subject_id": "029"
  },
  "cjv": 0.5090881854148159,
  "cnr": 2.632992876103999,
  "efc": 0.6387175214113302,
  "fber": 664.9722760971231,
  "fwhm_avg": 3.30031830864891,
  "fwhm_x": 3.268099870137379,
  "fwhm_y": 3.505349818181818,
  "fwhm_z": 3.127505237627533,
  "icvs_csf": 0.18127416161035562,
  "icvs_gm": 0.4497769092995706,
  "icvs_wm": 0.36894892909007376,
  "inu_med": 1.5721725225448608,
  "inu_range": 0.6856083631515504,
  "provenance": {
    "md5sum": "5fa1707c4bb994a2d7a64f718276f0f8",
    "settings": {
      "testing": false
    },
    "software": "mriqc",
    "version": "21.0.0rc2",
    "warnings": {
      "large_rot_frame": true,
      "small_air_mask": false
    },
    "webapi_port": null,
    "webapi_url": "https://mriqc.nimh.nih.gov/api/v1"
  },
  "qi_1": 0.0004341487330340094,
  "qi_2": 0.004249595477147266,
  "rpve_csf": 21.323538519708535,
  "rpve_gm": 9.697681063180294,
  "rpve_wm": 13.645483230052866,
  "size_x": 192,
  "size_y": 256,
  "size_z": 256,
  "snr_csf": 2.0887743844356823,
  "snr_gm": 9.048594522312667,
  "snr_total": 8.592335444865624,
  "snr_wm": 14.63963742784852,
  "snrd_csf": 18.5321323376978,
  "snrd_gm": 32.984932259100965,
  "snrd_total": 32.430782523113784,
  "snrd_wm": 45.77528297254259,
  "spacing_x": 0.9000000357627869,
  "spacing_y": 0.859375,
  "spacing_z": 0.8593750596046448,
  "summary_bg_k": 19.55311884655142,
  "summary_bg_mad": 14.312854074196414,
  "summary_bg_mean": 25.63487974378485,
  "summary_bg_median": 22.486461140215397,
  "summary_bg_n": 2849706.0,
  "summary_bg_p05": 6.357428804039955,
  "summary_bg_p95": 54.80339089408517,
  "summary_bg_stdv": 15.94515608755346,
  "summary_csf_k": 44.15213806624712,
  "summary_csf_mad": 170.44514638357072,
  "summary_csf_mean": 410.67236343274254,
  "summary_csf_median": 404.8740306869149,
  "summary_csf_n": 16376.0,
  "summary_csf_p05": 184.60089564323425,
  "summary_csf_p95": 629.7386420890689,
  "summary_csf_stdv": 193.82738112075623,
  "summary_gm_k": 0.3263433208704889,
  "summary_gm_mad": 75.84067189315051,
  "summary_gm_mean": 724.1408752969164,
  "summary_gm_median": 720.6263279542327,
  "summary_gm_n": 36355.0,
  "summary_gm_p05": 598.7167441286147,
  "summary_gm_p95": 862.0791188441217,
  "summary_gm_stdv": 79.63849138595687,
  "summary_wm_k": 0.20492366752607705,
  "summary_wm_mad": 66.41513384428946,
  "summary_wm_mean": 999.7559833702207,
  "summary_wm_median": 1000.0588699243963,
  "summary_wm_n": 297442.0,
  "summary_wm_p05": 886.2726673483849,
  "summary_wm_p95": 1111.3138739950955,
  "summary_wm_stdv": 68.31160906496582,
  "tpm_overlap_csf": 0.16840305924415588,
  "tpm_overlap_gm": 0.4460127651691437,
  "tpm_overlap_wm": 0.49950385093688965,
  "wm2max": 0.46723023064571245
}