{
  "aor": 0.0006821951219512194,
  "aqi": 0.009592708205574913,
  "bids_meta": {
    "AcquisitionMatrixPE": 96,
    "BandwidthPerPixelPhaseEncode": 20.425,
    "BaseResolution": 96,
    "BodyPartExamined": "BRAIN",
    "ConsistencyInfo": "N4_VE11C_LATEST_20160120",
    "ConversionSoftware": "dcm2niix",
    "ConversionSoftwareVersion": "v1.0.20180328 GCC6.3.0",
    "DerivedVendorReportedEchoSpacing": 0.000509996,
    "DeviceSerialNumber": "66018",
    "DwellTime": 2.1e-06,
    "EchoTime": 0.031,
    "EchoTrainLength": 96,
    "EffectiveEchoSpacing": 0.000509996,
    "FlipAngle": 67,
    "ImageOrientationPatientDICOM": [
      1,
      0,
      0,
      0,
      1,
      0
    ],
    "ImageType": [
      "ORIGINAL",
      "PRIMARY",
      "M",
      "ND",
      "NORM",
      "MOSAIC"
    ],
    "InPlanePhaseEncodingDirectionDICOM": "COL",
    "InstitutionAddress": "Washington Rd, Princeton, NJ 08540, USA",
    "InstitutionName": "Princeton University",
    "InstitutionalDepartmentName": "Princeton Neuroscience Institute",
    "MRAcquisitionType": "2D",
    "MagneticFieldStrength": 3,
    "Manufacturer": "Siemens",
    "ManufacturersModelName": "Prisma",
    "Modality": "MR",
    "MultibandAccelerationFactor": 3,
    "NumberOfVolumesDiscardedByScanner": 3,
    "PartialFourier": 1,
    "PatientPosition": "HFS",
    "PercentPhaseFOV": 100,
    "PhaseEncodingDirection": "j-",
    "PhaseEncodingSteps": 96,
    "PhaseResolution": 1,
    "PixelBandwidth": 2480,
    "ProcedureStepDescription": "Hasson_Nastase_042518_Storyteller",
    "ProtocolName": "func_task-forgot",
    "PulseSequenceDetails": "%SiemensSeq%_ep2d_bold",
    "ReceiveCoilActiveElements": "HC1-7;NC1,2",
    "ReceiveCoilName": "HeadNeck_64",
    "ReconMatrixPE": 96,
    "RepetitionTime": 1.5,
    "SAR": 0.0490008,
    "ScanOptions": "FS",
    "ScanningSequence": "EP",
    "SequenceName": "_epfid2d1_96",
    "SequenceVariant": "SK",
    "SeriesDescription": "func_task-forgot",
    "SeriesNumber": 9,
    "ShimSetting": [
      780,
      531,
      2071,
      670,
      -109,
      242,
      224,
      49
    ],
    "SliceThickness": 2.5,
    "SliceTiming": [
      1.11,
      0,
      0.74,
      0.0925,
      0.8325,
      0.185,
      0.925,
      0.2775,
      1.0175,
      0.4625,
      1.2025,
      0.555,
      1.295,
      0.6475,
      1.3875,
      0.37,
      1.11,
      0,
      0.74,
      0.0925,
      0.8325,
      0.185,
      0.925,
      0.2775,
      1.0175,
      0.4625,
      1.2025,
      0.555,
      1.295,
      0.6475,
      1.3875,
      0.37,
      1.11,
      0,
      0.74,
      0.0925,
      0.8325,
      0.185,
      0.925,
      0.2775,
      1.0175,
      0.4625,
      1.2025,
      0.555,
      1.295,
      0.6475,
      1.3875,
      0.37
    ],
    "SoftwareVersions": "syngo_MR_E11",
    "SpacingBetweenSlices": 2.5,
    "StationName": "AWP66018",
    "TaskDescription": "Passively listened to audio story 'forgot'",
    "TaskName": "forgot",
    "TotalReadoutTime": 0.0484496,
    "TxRefAmp": 249.3,
    "dataset": "ds002345",
    "modality": "bold",
    "subject_id": "279",
    "task_id": "forgot"
  },
  "dummy_trs": 0,
  "dvars_nstd": 30.390900111134407,
  "dvars_std": 1.1739393582548001,
  "dvars_vstd": 1.0031054247818507,
  "efc": 0.4726897751736537,
  "fber": 2991.57861328125,
  "fd_mean": 0.19160010346848513,
  "fd_num": 262,
  "fd_perc": 45.64459930313589,
  "fwhm_avg": 2.0918680000000003,
  "fwhm_x": 1.9486080000000001,
  "fwhm_y": 2.33182,
  "fwhm_z": 1.995176,
  "gcor": 0.0268375,
  "gsr_x": -0.018627751618623734,
  "gsr_y": 0.030453933402895927,
  "provenance": {
    "md5sum": "33de043cd9465d4bf108a9312045e033",
    "settings": {
      "fd_thres": 0.2,
      "testing": false
    },
    "software": "mriqc",
    "version": "22.0.0rc1",
    "webapi_port": null,
    "webapi_url": "https://mriqc.nimh.nih.gov/api/v1"
  },
  "size_t": 574,
  "size_x": 96,
  "size_y": 96,
  "size_z": 48,
  "snr": 5.464997474202263,
  "spacing_tr": 1.5,
  "spacing_x": 2.5,
  "spacing_y": 2.5,
  "spacing_z": 2.5,
  "summary_bg_k": 23.561404731826975,
  "summary_bg_mad": 8.592118991407107,
  "summary_bg_mean": 36.60659408569336,
  "summary_bg_median": 12.950347900390625,
  "summary_bg_n": 314654.0,
  "summary_bg_p05": 5.165505409240723,
  "summary_bg_p95": 159.34816894531207,
  "summary_bg_stdv": 68.40306091308594,
  "summary_fg_k": 2.9308977112610526,
  "summary_fg_mad": 116.45141836937256,
  "summary_fg_mean": 719.2233276367188,
  "summary_fg_median": 717.1567993164062,
  "summary_fg_n": 66597.0,
  "summary_fg_p05": 540.5899047851562,
  "summary_fg_p95": 926.5961791992187,
  "summary_fg_stdv": 131.22630310058594,
  "tsnr": 51.69067262392491
}