{
  "aor": 0.002076615384615385,
  "aqi": 0.016639109615384617,
  "bids_meta": {
    "AcquisitionMatrixPE": 96,
    "BandwidthPerPixelPhaseEncode": 20.425,
    "BaseResolution": 96,
    "BodyPartExamined": "BRAIN",
    "ConsistencyInfo": "N4_VE11C_LATEST_20160120",
    "ConversionSoftware": "dcm2niix",
    "ConversionSoftwareVersion": "v1.0.20180328 GCC6.3.0",
    "DerivedVendorReportedEchoSpacing": 0.000509996,
    "DeviceSerialNumber": "66018",
    "DwellTime": 2.1e-06,
    "EchoTime": 0.031,
    "EchoTrainLength": 96,
    "EffectiveEchoSpacing": 0.000509996,
    "FlipAngle": 67,
    "ImageOrientationPatientDICOM": [
      1,
      0,
      0,
      0,
      1,
      0
    ],
    "ImageType": [
      "ORIGINAL",
      "PRIMARY",
      "M",
      "ND",
      "NORM",
      "MOSAIC"
    ],
    "InPlanePhaseEncodingDirectionDICOM": "COL",
    "InstitutionAddress": "Washington Rd, Princeton, NJ 08540, USA",
    "InstitutionName": "Princeton University",
    "InstitutionalDepartmentName": "Princeton Neuroscience Institute",
    "MRAcquisitionType": "2D",
    "MagneticFieldStrength": 3,
    "Manufacturer": "Siemens",
    "ManufacturersModelName": "Prisma",
    "Modality": "MR",
    "MultibandAccelerationFactor": 3,
    "NumberOfVolumesDiscardedByScanner": 3,
    "PartialFourier": 1,
    "PatientPosition": "HFS",
    "PercentPhaseFOV": 100,
    "PhaseEncodingDirection": "j-",
    "PhaseEncodingSteps": 96,
    "PhaseResolution": 1,
    "PixelBandwidth": 2480,
    "ProcedureStepDescription": "Hasson_Nastase_042518_Storyteller",
    "ProtocolName": "func_task-bronx",
    "PulseSequenceDetails": "%SiemensSeq%_ep2d_bold",
    "ReceiveCoilActiveElements": "HC1-7;NC1,2",
    "ReceiveCoilName": "HeadNeck_64",
    "ReconMatrixPE": 96,
    "RepetitionTime": 1.5,
    "SAR": 0.0489718,
    "ScanOptions": "FS",
    "ScanningSequence": "EP",
    "SequenceName": "_epfid2d1_96",
    "SequenceVariant": "SK",
    "SeriesDescription": "func_task-bronx",
    "SeriesNumber": 7,
    "ShimSetting": [
      780,
      531,
      2071,
      670,
      -109,
      242,
      224,
      49
    ],
    "SliceThickness": 2.5,
    "SliceTiming": [
      1.11,
      0,
      0.74,
      0.0925,
      0.8325,
      0.185,
      0.925,
      0.2775,
      1.0175,
      0.4625,
      1.2025,
      0.555,
      1.295,
      0.6475,
      1.3875,
      0.37,
      1.11,
      0,
      0.74,
      0.0925,
      0.8325,
      0.185,
      0.925,
      0.2775,
      1.0175,
      0.4625,
      1.2025,
      0.555,
      1.295,
      0.6475,
      1.3875,
      0.37,
      1.11,
      0,
      0.74,
      0.0925,
      0.8325,
      0.185,
      0.925,
      0.2775,
      1.0175,
      0.4625,
      1.2025,
      0.555,
      1.295,
      0.6475,
      1.3875,
      0.37
    ],
    "SoftwareVersions": "syngo_MR_E11",
    "SpacingBetweenSlices": 2.5,
    "StationName": "AWP66018",
    "TaskDescription": "Passively listened to audio story 'bronx'",
    "TaskName": "bronx",
    "TotalReadoutTime": 0.0484496,
    "TxRefAmp": 249.3,
    "dataset": "ds002345",
    "modality": "bold",
    "subject_id": "279",
    "task_id": "bronx"
  },
  "dummy_trs": 0,
  "dvars_nstd": 29.31872019732647,
  "dvars_std": 1.1353696690745498,
  "dvars_vstd": 0.9664437231619543,
  "efc": 0.47832882475115124,
  "fber": 2789.078369140625,
  "fd_mean": 0.15396332267417417,
  "fd_num": 84,
  "fd_perc": 21.53846153846154,
  "fwhm_avg": 2.166233333333333,
  "fwhm_x": 2.016968,
  "fwhm_y": 2.418228,
  "fwhm_z": 2.063504,
  "gcor": 0.0132714,
  "gsr_x": -0.021784359589219093,
  "gsr_y": 0.02889770083129406,
  "provenance": {
    "md5sum": "d32ff7fe30352fed10e2cb2de52a9d60",
    "settings": {
      "fd_thres": 0.2,
      "testing": false
    },
    "software": "mriqc",
    "version": "22.0.0rc1",
    "webapi_port": null,
    "webapi_url": "https://mriqc.nimh.nih.gov/api/v1"
  },
  "size_t": 390,
  "size_x": 96,
  "size_y": 96,
  "size_z": 48,
  "snr": 5.40308671721985,
  "spacing_tr": 1.5,
  "spacing_x": 2.5,
  "spacing_y": 2.5,
  "spacing_z": 2.5,
  "summary_bg_k": 20.331823509211716,
  "summary_bg_mad": 9.01726342354303,
  "summary_bg_mean": 36.95150375366211,
  "summary_bg_median": 13.2589750289917,
  "summary_bg_n": 312248.0,
  "summary_bg_p05": 5.241025924682617,
  "summary_bg_p95": 159.28269958496048,
  "summary_bg_stdv": 66.66141510009766,
  "summary_fg_k": 2.856087400851221,
  "summary_fg_mad": 117.57802955225799,
  "summary_fg_mean": 712.3681640625,
  "summary_fg_median": 711.0128173828125,
  "summary_fg_n": 67859.0,
  "summary_fg_p05": 532.0530639648438,
  "summary_fg_p95": 920.5720947265625,
  "summary_fg_stdv": 131.5928497314453,
  "tsnr": 41.3016723417677
}