{
  "aor": 0.0023799999999999997,
  "aqi": 0.012240896156462584,
  "bids_meta": {
    "AcquisitionMatrixPE": 96,
    "BandwidthPerPixelPhaseEncode": 20.425,
    "BaseResolution": 96,
    "BodyPartExamined": "BRAIN",
    "ConsistencyInfo": "N4_VE11C_LATEST_20160120",
    "ConversionSoftware": "dcm2niix",
    "ConversionSoftwareVersion": "v1.0.20180328 GCC6.3.0",
    "DerivedVendorReportedEchoSpacing": 0.000509996,
    "DeviceSerialNumber": "66018",
    "DwellTime": 2.1e-06,
    "EchoTime": 0.031,
    "EchoTrainLength": 96,
    "EffectiveEchoSpacing": 0.000509996,
    "FlipAngle": 67,
    "ImageOrientationPatientDICOM": [
      1,
      0,
      0,
      0,
      1,
      0
    ],
    "ImageType": [
      "ORIGINAL",
      "PRIMARY",
      "M",
      "ND",
      "NORM",
      "MOSAIC"
    ],
    "InPlanePhaseEncodingDirectionDICOM": "COL",
    "InstitutionAddress": "Washington Rd, Princeton, NJ 08540, USA",
    "InstitutionName": "Princeton University",
    "InstitutionalDepartmentName": "Princeton Neuroscience Institute",
    "MRAcquisitionType": "2D",
    "MagneticFieldStrength": 3,
    "Manufacturer": "Siemens",
    "ManufacturersModelName": "Prisma",
    "Modality": "MR",
    "MultibandAccelerationFactor": 3,
    "NumberOfVolumesDiscardedByScanner": 3,
    "PartialFourier": 1,
    "PatientPosition": "HFS",
    "PercentPhaseFOV": 100,
    "PhaseEncodingDirection": "j-",
    "PhaseEncodingSteps": 96,
    "PhaseResolution": 1,
    "PixelBandwidth": 2480,
    "ProcedureStepDescription": "Hasson_Nastase_042518_Storyteller",
    "ProtocolName": "func_task-pieman",
    "PulseSequenceDetails": "%SiemensSeq%_ep2d_bold",
    "ReceiveCoilActiveElements": "HC1-7;NC1,2",
    "ReceiveCoilName": "HeadNeck_64",
    "ReconMatrixPE": 96,
    "RepetitionTime": 1.5,
    "SAR": 0.0489425,
    "ScanOptions": "FS",
    "ScanningSequence": "EP",
    "SequenceName": "_epfid2d1_96",
    "SequenceVariant": "SK",
    "SeriesDescription": "func_task-pieman",
    "SeriesNumber": 8,
    "ShimSetting": [
      780,
      531,
      2071,
      670,
      -109,
      242,
      224,
      49
    ],
    "SliceThickness": 2.5,
    "SliceTiming": [
      1.11,
      0,
      0.74,
      0.0925,
      0.8325,
      0.185,
      0.925,
      0.2775,
      1.0175,
      0.4625,
      1.2025,
      0.555,
      1.295,
      0.6475,
      1.3875,
      0.37,
      1.11,
      0,
      0.74,
      0.0925,
      0.8325,
      0.185,
      0.925,
      0.2775,
      1.0175,
      0.4625,
      1.2025,
      0.555,
      1.295,
      0.6475,
      1.3875,
      0.37,
      1.11,
      0,
      0.74,
      0.0925,
      0.8325,
      0.185,
      0.925,
      0.2775,
      1.0175,
      0.4625,
      1.2025,
      0.555,
      1.295,
      0.6475,
      1.3875,
      0.37
    ],
    "SoftwareVersions": "syngo_MR_E11",
    "SpacingBetweenSlices": 2.5,
    "StationName": "AWP66018",
    "TaskDescription": "Passively listened to audio story 'piemanpni'",
    "TaskName": "piemanpni",
    "TotalReadoutTime": 0.0484496,
    "TxRefAmp": 249.3,
    "dataset": "ds002345",
    "modality": "bold",
    "subject_id": "279",
    "task_id": "piemanpni"
  },
  "dummy_trs": 0,
  "dvars_nstd": 29.69708414054608,
  "dvars_std": 1.1678309617406135,
  "dvars_vstd": 1.003544269726962,
  "efc": 0.4780905665838432,
  "fber": 2806.08447265625,
  "fd_mean": 0.1736123878165566,
  "fd_num": 82,
  "fd_perc": 27.891156462585034,
  "fwhm_avg": 2.1228093333333335,
  "fwhm_x": 1.9844680000000001,
  "fwhm_y": 2.391412,
  "fwhm_z": 1.992548,
  "gcor": 0.0174235,
  "gsr_x": -0.021412424743175507,
  "gsr_y": 0.0290099885314703,
  "provenance": {
    "md5sum": "cad5c905bb2068982556f1d69810bca1",
    "settings": {
      "fd_thres": 0.2,
      "testing": false
    },
    "software": "mriqc",
    "version": "22.0.0rc1",
    "webapi_port": null,
    "webapi_url": "https://mriqc.nimh.nih.gov/api/v1"
  },
  "size_t": 294,
  "size_x": 96,
  "size_y": 96,
  "size_z": 48,
  "snr": 5.399764208827341,
  "spacing_tr": 1.5,
  "spacing_x": 2.5,
  "spacing_y": 2.5,
  "spacing_z": 2.5,
  "summary_bg_k": 21.26230256712719,
  "summary_bg_mad": 8.961170402901175,
  "summary_bg_mean": 37.34635543823242,
  "summary_bg_median": 13.251700401306152,
  "summary_bg_n": 312505.0,
  "summary_bg_p05": 5.210884094238281,
  "summary_bg_p95": 161.5380950927733,
  "summary_bg_stdv": 68.0351333618164,
  "summary_fg_k": 2.952251753223531,
  "summary_fg_mad": 117.6474812858214,
  "summary_fg_mean": 712.1644897460938,
  "summary_fg_median": 710.7619018554688,
  "summary_fg_n": 67702.0,
  "summary_fg_p05": 533.8309173583984,
  "summary_fg_p95": 918.3567779541015,
  "summary_fg_stdv": 131.62734985351562,
  "tsnr": 46.94227038510144
}