{
  "aor": 0.0034523376623376623,
  "aqi": 0.009153094967532468,
  "bids_meta": {
    "CogAtlasID": "https://www.cognitiveatlas.org/task/id/trm_4c8991fadfe01",
    "DeviceSerialNumber": "66018",
    "DwellTime": 4.2e-06,
    "EchoTime": 0.039,
    "EffectiveEchoSpacing": 0.000929976,
    "FlipAngle": 50,
    "InstitutionAddress": "Washington Rd, Princeton, NJ 08540, USA",
    "InstitutionName": "Princeton University",
    "InstitutionalDepartmentName": "Princeton Neuroscience Institute",
    "MagneticFieldStrength": 3,
    "Manufacturer": "Siemens",
    "ManufacturersModelName": "Prisma",
    "NumberOfVolumesDiscardedByScanner": 3,
    "ParallelReductionType": "GRAPPA",
    "PartialFourier": 0.75,
    "PhaseEncodingDirection": "j-",
    "PixelBandwidth": 1240,
    "PulseSequenceDetails": "%CustomerSeq%_ep2d_bold_sms_mgh_v22",
    "PulseSequenceType": "Gradient Echo EPI",
    "ReceiveCoilActiveElements": "HC1-7;NC1,2",
    "ReceiveCoilName": "HeadNeck_64",
    "RepetitionTime": 1.5,
    "ScanOptions": "PFP_FS",
    "ScanningSequence": "EP",
    "SequenceName": "epfSM2d1_96",
    "SequenceVariant": "SK",
    "SliceTiming": [
      0.6925,
      0,
      0.79,
      0.1,
      0.8875,
      0.1975,
      0.9875,
      0.2975,
      1.085,
      0.395,
      1.185,
      0.495,
      1.2825,
      0.5925,
      1.3825,
      0.6925,
      0,
      0.79,
      0.1,
      0.8875,
      0.1975,
      0.9875,
      0.2975,
      1.085,
      0.395,
      1.185,
      0.495,
      1.2825,
      0.5925,
      1.3825,
      0.6925,
      0,
      0.79,
      0.1,
      0.8875,
      0.1975,
      0.9875,
      0.2975,
      1.085,
      0.395,
      1.185,
      0.495,
      1.2825,
      0.5925,
      1.3825,
      0.6925,
      0,
      0.79,
      0.1,
      0.8875,
      0.1975,
      0.9875,
      0.2975,
      1.085,
      0.395,
      1.185,
      0.495,
      1.2825,
      0.5925,
      1.3825
    ],
    "SoftwareVersions": "syngo_MR_D13D",
    "StationName": "AWP66018",
    "TaskDescription": "Passively listened to audio story 'shapesphysical'",
    "TaskName": "shapesphysical",
    "TotalReadoutTime": 0.0883478,
    "dataset": "ds002345",
    "modality": "bold",
    "subject_id": "251",
    "task_id": "shapesphysical"
  },
  "dummy_trs": 1,
  "dvars_nstd": 34.86271246234527,
  "dvars_std": 1.084310823973941,
  "dvars_vstd": 1.0009024046579804,
  "efc": 0.5605129946553908,
  "fber": 378.5870666503906,
  "fd_mean": 0.12466681710394222,
  "fd_num": 24,
  "fd_perc": 7.792207792207792,
  "fwhm_avg": 2.778375,
  "fwhm_x": 2.6612,
  "fwhm_y": 2.895455,
  "fwhm_z": 2.77847,
  "gcor": 0.00837939,
  "gsr_x": -0.017674991860985756,
  "gsr_y": 0.07061123847961426,
  "provenance": {
    "md5sum": "76b5dd767f1c056a24eb198bbcf0553a",
    "settings": {
      "fd_thres": 0.2,
      "testing": false
    },
    "software": "mriqc",
    "version": "22.0.0rc1",
    "webapi_port": null,
    "webapi_url": "https://mriqc.nimh.nih.gov/api/v1"
  },
  "size_t": 308,
  "size_x": 96,
  "size_y": 96,
  "size_z": 60,
  "snr": 2.08742809394294,
  "spacing_tr": 1.5,
  "spacing_x": 2.0,
  "spacing_y": 2.0,
  "spacing_z": 2.0,
  "summary_bg_k": 99.69593254635085,
  "summary_bg_mad": 5.911154116130172,
  "summary_bg_mean": 41.162269592285156,
  "summary_bg_median": 24.074674606323242,
  "summary_bg_n": 329955.0,
  "summary_bg_p05": 19.308441162109375,
  "summary_bg_p95": 113.31493377685547,
  "summary_bg_stdv": 54.82271957397461,
  "summary_fg_k": 6.511690804295581,
  "summary_fg_mad": 168.60270247942904,
  "summary_fg_mean": 526.7333984375,
  "summary_fg_median": 478.2564697265625,
  "summary_fg_n": 139924.0,
  "summary_fg_p05": 270.1675338745117,
  "summary_fg_p95": 969.5612121582031,
  "summary_fg_stdv": 229.11196899414062,
  "tsnr": 36.248714569956064
}