{
  "aor": 0.001648220064724919,
  "aqi": 0.0058816738187702266,
  "bids_meta": {
    "CogAtlasID": "https://www.cognitiveatlas.org/task/id/trm_4c8991fadfe01",
    "DeviceSerialNumber": "66018",
    "DwellTime": 4.2e-06,
    "EchoTime": 0.039,
    "EffectiveEchoSpacing": 0.000929976,
    "FlipAngle": 50,
    "InstitutionAddress": "Washington Rd, Princeton, NJ 08540, USA",
    "InstitutionName": "Princeton University",
    "InstitutionalDepartmentName": "Princeton Neuroscience Institute",
    "MagneticFieldStrength": 3,
    "Manufacturer": "Siemens",
    "ManufacturersModelName": "Prisma",
    "NumberOfVolumesDiscardedByScanner": 3,
    "ParallelReductionType": "GRAPPA",
    "PartialFourier": 0.75,
    "PhaseEncodingDirection": "j-",
    "PixelBandwidth": 1240,
    "PulseSequenceDetails": "%CustomerSeq%_ep2d_bold_sms_mgh_v22",
    "PulseSequenceType": "Gradient Echo EPI",
    "ReceiveCoilActiveElements": "HC1-7;NC1,2",
    "ReceiveCoilName": "HeadNeck_64",
    "RepetitionTime": 1.5,
    "ScanOptions": "PFP_FS",
    "ScanningSequence": "EP",
    "SequenceName": "epfSM2d1_96",
    "SequenceVariant": "SK",
    "SliceTiming": [
      0.6925,
      0,
      0.79,
      0.1,
      0.8875,
      0.1975,
      0.9875,
      0.2975,
      1.085,
      0.395,
      1.185,
      0.495,
      1.2825,
      0.5925,
      1.3825,
      0.6925,
      0,
      0.79,
      0.1,
      0.8875,
      0.1975,
      0.9875,
      0.2975,
      1.085,
      0.395,
      1.185,
      0.495,
      1.2825,
      0.5925,
      1.3825,
      0.6925,
      0,
      0.79,
      0.1,
      0.8875,
      0.1975,
      0.9875,
      0.2975,
      1.085,
      0.395,
      1.185,
      0.495,
      1.2825,
      0.5925,
      1.3825,
      0.6925,
      0,
      0.79,
      0.1,
      0.8875,
      0.1975,
      0.9875,
      0.2975,
      1.085,
      0.395,
      1.185,
      0.495,
      1.2825,
      0.5925,
      1.3825
    ],
    "SoftwareVersions": "syngo_MR_D13D",
    "StationName": "AWP66018",
    "TaskDescription": "Passively listened to audio story 'shapessocial'",
    "TaskName": "shapessocial",
    "TotalReadoutTime": 0.0883478,
    "dataset": "ds002345",
    "modality": "bold",
    "subject_id": "251",
    "task_id": "shapessocial"
  },
  "dummy_trs": 2,
  "dvars_nstd": 34.69619663055197,
  "dvars_std": 1.1091903595779218,
  "dvars_vstd": 1.0125336460714283,
  "efc": 0.5592673658614087,
  "fber": 390.05706787109375,
  "fd_mean": 0.10559903703754663,
  "fd_num": 15,
  "fd_perc": 4.854368932038835,
  "fwhm_avg": 2.676638333333333,
  "fwhm_x": 2.55822,
  "fwhm_y": 2.78963,
  "fwhm_z": 2.682065,
  "gcor": 0.0117185,
  "gsr_x": -0.012256343849003315,
  "gsr_y": 0.0703931525349617,
  "provenance": {
    "md5sum": "e069a3e189daeb65a998fb337bc52960",
    "settings": {
      "fd_thres": 0.2,
      "testing": false
    },
    "software": "mriqc",
    "version": "22.0.0rc1",
    "webapi_port": null,
    "webapi_url": "https://mriqc.nimh.nih.gov/api/v1"
  },
  "size_t": 309,
  "size_x": 96,
  "size_y": 96,
  "size_z": 60,
  "snr": 2.1833319872177603,
  "spacing_tr": 1.5,
  "spacing_x": 2.0,
  "spacing_y": 2.0,
  "spacing_z": 2.0,
  "summary_bg_k": 106.68837661279095,
  "summary_bg_mad": 5.34504613592682,
  "summary_bg_mean": 39.40398025512695,
  "summary_bg_median": 23.368932723999023,
  "summary_bg_n": 334462.0,
  "summary_bg_p05": 18.970874786376953,
  "summary_bg_p95": 107.65679779052738,
  "summary_bg_stdv": 51.7597541809082,
  "summary_fg_k": 5.744500290119159,
  "summary_fg_mad": 164.6672098168364,
  "summary_fg_mean": 512.4313354492188,
  "summary_fg_median": 468.86248779296875,
  "summary_fg_n": 137510.0,
  "summary_fg_p05": 264.31830139160155,
  "summary_fg_p95": 917.5822296142571,
  "summary_fg_stdv": 214.7455291748047,
  "tsnr": 42.31722108274698
}