{
  "aor": 0.008948945945945945,
  "aqi": 0.024576963540540543,
  "bids_meta": {
    "CogAtlasID": "https://www.cognitiveatlas.org/task/id/trm_4c8991fadfe01",
    "DeviceSerialNumber": "45031",
    "DwellTime": 5.4e-06,
    "EchoTime": 0.028,
    "EffectiveEchoSpacing": 0.000390001,
    "FlipAngle": 64,
    "InstitutionAddress": "Washington Rd, Princeton, NJ 08540, USA",
    "InstitutionName": "Princeton University",
    "InstitutionalDepartmentName": "Princeton Neuroscience Institute",
    "MagneticFieldStrength": 3,
    "Manufacturer": "Siemens",
    "ManufacturersModelName": "Skyra",
    "NumberOfVolumesDiscardedByScanner": 3,
    "ParallelReductionFactorInPlane": 2,
    "ParallelReductionType": "GRAPPA",
    "PartialFourier": 1,
    "PhaseEncodingDirection": "j-",
    "PixelBandwidth": 1445,
    "PulseSequenceDetails": "%SiemensSeq%_ep2d_bold",
    "PulseSequenceType": "Gradient Echo EPI",
    "ReceiveCoilActiveElements": "HE1-4",
    "ReceiveCoilName": "HeadNeck_20",
    "RepetitionTime": 1.5,
    "ScanOptions": "FS",
    "ScanningSequence": "EP",
    "SequenceName": "_epfid2d1_64",
    "SequenceVariant": "SK",
    "SliceTiming": [
      0,
      0.7775,
      0.0575,
      0.835,
      0.1125,
      0.89,
      0.1675,
      0.945,
      0.2225,
      1,
      0.28,
      1.0575,
      0.335,
      1.1125,
      0.39,
      1.1675,
      0.445,
      1.2225,
      0.5,
      1.2775,
      0.5575,
      1.335,
      0.6125,
      1.39,
      0.6675,
      1.445,
      0.7225
    ],
    "SoftwareVersions": "syngo_MR_D11",
    "StationName": "AWP45031",
    "TaskDescription": "Passively listened to audio story 'lucy'",
    "TaskName": "lucy",
    "TotalReadoutTime": 0.0245701,
    "dataset": "ds002345",
    "modality": "bold",
    "subject_id": "022",
    "task_id": "lucy"
  },
  "dummy_trs": 0,
  "dvars_nstd": 22.371369074878043,
  "dvars_std": 1.1435147898644986,
  "dvars_vstd": 1.0670009067208677,
  "efc": 0.613822484877546,
  "fber": 813.9893798828125,
  "fd_mean": 0.28658530549125893,
  "fd_num": 225,
  "fd_perc": 60.810810810810814,
  "fwhm_avg": 1.7860695431691251,
  "fwhm_x": 1.7608766666666666,
  "fwhm_y": 1.9410066666666665,
  "fwhm_z": 1.6563252961740427,
  "gcor": 0.0153117,
  "gsr_x": -0.0008714019786566496,
  "gsr_y": 0.02288125455379486,
  "provenance": {
    "md5sum": "085b58434da468e06b43a07a8ff0ba3f",
    "settings": {
      "fd_thres": 0.2,
      "testing": false
    },
    "software": "mriqc",
    "version": "21.0.0rc2",
    "webapi_port": null,
    "webapi_url": "https://mriqc.nimh.nih.gov/api/v1"
  },
  "size_t": 370,
  "size_x": 64,
  "size_y": 64,
  "size_z": 27,
  "snr": 7.344638288529203,
  "spacing_tr": 1.5,
  "spacing_x": 3.0,
  "spacing_y": 3.0,
  "spacing_z": 3.9999992847442627,
  "summary_bg_k": 17.623994095436146,
  "summary_bg_mad": 20.588136444036632,
  "summary_bg_mean": 48.204994201660156,
  "summary_bg_median": 24.151351928710938,
  "summary_bg_n": 53515.0,
  "summary_bg_p05": 7.745945930480957,
  "summary_bg_p95": 175.3300018310546,
  "summary_bg_stdv": 72.77472686767578,
  "summary_fg_k": 1.5330747044568378,
  "summary_fg_mad": 96.13273683617432,
  "summary_fg_mean": 728.1099243164062,
  "summary_fg_median": 719.9135131835938,
  "summary_fg_n": 29214.0,
  "summary_fg_p05": 588.6440551757812,
  "summary_fg_p95": 892.1840881347656,
  "summary_fg_stdv": 98.01724243164062,
  "tsnr": 44.330219075549394
}