{
  "bids_meta": {
    "DeviceSerialNumber": "45031",
    "DwellTime": 8.2e-06,
    "EchoTime": 0.00308,
    "FlipAngle": 9,
    "InstitutionAddress": "Washington Rd, Princeton, NJ 08540, USA",
    "InstitutionName": "Princeton University",
    "InstitutionalDepartmentName": "Princeton Neuroscience Institute",
    "InversionTime": 0.9,
    "MagneticFieldStrength": 3,
    "Manufacturer": "Siemens",
    "ManufacturersModelName": "Skyra",
    "ParallelReductionFactorInPlane": 2,
    "ParallelReductionType": "GRAPPA",
    "PartialFourier": 1,
    "PixelBandwidth": 240,
    "PulseSequenceDetails": "%SiemensSeq%_tfl",
    "PulseSequenceType": "MPRAGE",
    "ReceiveCoilActiveElements": "HE1-4",
    "ReceiveCoilName": "HeadNeck_20",
    "RepetitionTime": 2.3,
    "ScanOptions": "IR",
    "ScanningSequence": "GR_IR",
    "SequenceName": "_tfl3d1_16ns",
    "SequenceVariant": "SK_SP_MP",
    "SoftwareVersions": "syngo_MR_E11",
    "StationName": "AWP45031",
    "dataset": "ds002345",
    "modality": "T1w",
    "subject_id": "254"
  },
  "cjv": 0.4961132810634071,
  "cnr": 2.706805398293118,
  "efc": 0.6702573319974185,
  "fber": 696.3958394032982,
  "fwhm_avg": 3.312735268041505,
  "fwhm_x": 3.4041665313972422,
  "fwhm_y": 3.4431534545454543,
  "fwhm_z": 3.090885818181818,
  "icvs_csf": 0.17782174493289327,
  "icvs_gm": 0.4127939399107775,
  "icvs_wm": 0.4093843151563292,
  "inu_med": 1.4242713451385498,
  "inu_range": 0.4914039373397827,
  "provenance": {
    "md5sum": "15e8277d553a9d53db2f200d7ab22aaa",
    "settings": {
      "testing": false
    },
    "software": "mriqc",
    "version": "22.0.0rc1",
    "warnings": {
      "large_rot_frame": true,
      "small_air_mask": false
    },
    "webapi_port": null,
    "webapi_url": "https://mriqc.nimh.nih.gov/api/v1"
  },
  "qi_1": 0.0,
  "qi_2": 0.0028334822875615913,
  "rpve_csf": 19.274067915484192,
  "rpve_gm": 9.070221160086115,
  "rpve_wm": 11.167556729159271,
  "size_x": 192,
  "size_y": 256,
  "size_z": 256,
  "snr_csf": 2.6970898610506158,
  "snr_gm": 9.310551862276851,
  "snr_total": 9.865563741778217,
  "snr_wm": 17.58904950200718,
  "snrd_csf": 21.298048192121133,
  "snrd_gm": 37.472360436821056,
  "snrd_total": 36.61197493435653,
  "snrd_wm": 51.06551617412741,
  "spacing_x": 0.9000000357627869,
  "spacing_y": 0.859375,
  "spacing_z": 0.859375,
  "summary_bg_k": 3.380360295504076,
  "summary_bg_mad": 12.82932971496436,
  "summary_bg_mean": 23.193234991015192,
  "summary_bg_median": 19.641507133841515,
  "summary_bg_n": 2176308.0,
  "summary_bg_p05": 5.494127869606018,
  "summary_bg_p95": 51.50744877755642,
  "summary_bg_stdv": 15.072064736919552,
  "summary_csf_k": 10.075468547140106,
  "summary_csf_mad": 154.0537766566752,
  "summary_csf_mean": 410.58554464094607,
  "summary_csf_median": 417.07298190146685,
  "summary_csf_n": 15156.0,
  "summary_csf_p05": 187.8820039909333,
  "summary_csf_p95": 617.8318480867893,
  "summary_csf_stdv": 154.63304666326476,
  "summary_gm_k": -0.059531502837840033,
  "summary_gm_mad": 77.89235898371219,
  "summary_gm_mean": 735.2452538833633,
  "summary_gm_median": 733.8094535842538,
  "summary_gm_n": 23052.0,
  "summary_gm_p05": 606.5208123352379,
  "summary_gm_p95": 868.0722033977509,
  "summary_gm_stdv": 78.81310881153895,
  "summary_wm_k": 0.5623578199831827,
  "summary_wm_mad": 54.168281018738405,
  "summary_wm_mean": 1000.0013676050518,
  "summary_wm_median": 999.9999488666654,
  "summary_wm_n": 416589.0,
  "summary_wm_p05": 906.9431580752134,
  "summary_wm_p95": 1092.4386502727866,
  "summary_wm_stdv": 56.8534842390528,
  "tpm_overlap_csf": 0.177702859044075,
  "tpm_overlap_gm": 0.4354095757007599,
  "tpm_overlap_wm": 0.5145067572593689,
  "wm2max": 0.4622686434489984
}