{
  "bids_meta": {
    "DeviceSerialNumber": "45031",
    "DwellTime": 8.2e-06,
    "EchoTime": 0.00308,
    "FlipAngle": 9,
    "InstitutionAddress": "Washington Rd, Princeton, NJ 08540, USA",
    "InstitutionName": "Princeton University",
    "InstitutionalDepartmentName": "Princeton Neuroscience Institute",
    "InversionTime": 0.9,
    "MagneticFieldStrength": 3,
    "Manufacturer": "Siemens",
    "ManufacturersModelName": "Skyra",
    "ParallelReductionFactorInPlane": 2,
    "ParallelReductionType": "GRAPPA",
    "PartialFourier": 1,
    "PixelBandwidth": 240,
    "PulseSequenceDetails": "%SiemensSeq%_tfl",
    "PulseSequenceType": "MPRAGE",
    "ReceiveCoilActiveElements": "HE1-4",
    "ReceiveCoilName": "HeadNeck_20",
    "RepetitionTime": 2.3,
    "ScanOptions": "IR",
    "ScanningSequence": "GR_IR",
    "SequenceName": "_tfl3d1_16ns",
    "SequenceVariant": "SK_SP_MP",
    "SoftwareVersions": "syngo_MR_D11",
    "StationName": "AWP45031",
    "dataset": "ds002345",
    "modality": "T1w",
    "subject_id": "012"
  },
  "cjv": 0.46786185015955184,
  "cnr": 2.80985883411492,
  "efc": 0.6083223539380722,
  "fber": 752.2793221077079,
  "fwhm_avg": 3.3102960495242564,
  "fwhm_x": 3.2618556419652207,
  "fwhm_y": 3.487499636363636,
  "fwhm_z": 3.1815328702439136,
  "icvs_csf": 0.1872518698801825,
  "icvs_gm": 0.41932863512357127,
  "icvs_wm": 0.39341949499624623,
  "inu_med": 1.4384362697601318,
  "inu_range": 0.5167407929897307,
  "provenance": {
    "md5sum": "27f597d8dc327041bea54bae211b4952",
    "settings": {
      "testing": false
    },
    "software": "mriqc",
    "version": "21.0.0rc2",
    "warnings": {
      "large_rot_frame": true,
      "small_air_mask": false
    },
    "webapi_port": null,
    "webapi_url": "https://mriqc.nimh.nih.gov/api/v1"
  },
  "qi_1": 0.0006963877492843088,
  "qi_2": 0.003452521929897108,
  "rpve_csf": 24.96752338832114,
  "rpve_gm": 12.140166345540692,
  "rpve_wm": 15.523720233213545,
  "size_x": 192,
  "size_y": 256,
  "size_z": 256,
  "snr_csf": 1.7529484773874182,
  "snr_gm": 9.423192774492692,
  "snr_total": 9.47225682320689,
  "snr_wm": 17.240629217740562,
  "snrd_csf": 14.96699710414487,
  "snrd_gm": 33.58309064510982,
  "snrd_total": 31.612436026397415,
  "snrd_wm": 46.28722032993755,
  "spacing_x": 0.8999999761581421,
  "spacing_y": 0.859375,
  "spacing_z": 0.8593750596046448,
  "summary_bg_k": 69.27619952751732,
  "summary_bg_mad": 14.153720355076322,
  "summary_bg_mean": 25.012528564572357,
  "summary_bg_median": 22.326583862304688,
  "summary_bg_n": 2491431.0,
  "summary_bg_p05": 6.236045837402344,
  "summary_bg_p95": 53.891754150390625,
  "summary_bg_stdv": 15.776796024842206,
  "summary_csf_k": 51.279629544600105,
  "summary_csf_mad": 137.65634474372615,
  "summary_csf_mean": 355.92482065025763,
  "summary_csf_median": 323.35052490234375,
  "summary_csf_n": 14089.0,
  "summary_csf_p05": 169.78982086181642,
  "summary_csf_p95": 582.0463424682615,
  "summary_csf_stdv": 184.4543941745502,
  "summary_gm_k": 0.4521805712297349,
  "summary_gm_mad": 72.36660246063217,
  "summary_gm_mean": 728.6818705084861,
  "summary_gm_median": 725.5369873046875,
  "summary_gm_n": 20733.0,
  "summary_gm_p05": 607.8681915283203,
  "summary_gm_p95": 862.2218734741209,
  "summary_gm_stdv": 76.99295846982932,
  "summary_wm_k": 0.3383912542722456,
  "summary_wm_mad": 56.04416688985866,
  "summary_wm_mean": 999.7871603961337,
  "summary_wm_median": 999.9999923706055,
  "summary_wm_n": 286814.0,
  "summary_wm_p05": 904.3806228637695,
  "summary_wm_p95": 1094.387550354004,
  "summary_wm_stdv": 58.002421863468136,
  "tpm_overlap_csf": 0.17691689729690552,
  "tpm_overlap_gm": 0.42305895686149597,
  "tpm_overlap_wm": 0.5014436841011047,
  "wm2max": 0.4357621608180326
}