{
  "aor": 0.0009300647249190938,
  "aqi": 0.007186881844660195,
  "bids_meta": {
    "CogAtlasID": "https://www.cognitiveatlas.org/task/id/trm_4c8991fadfe01",
    "DeviceSerialNumber": "66018",
    "DwellTime": 4.2e-06,
    "EchoTime": 0.039,
    "EffectiveEchoSpacing": 0.000929976,
    "FlipAngle": 50,
    "InstitutionAddress": "Washington Rd, Princeton, NJ 08540, USA",
    "InstitutionName": "Princeton University",
    "InstitutionalDepartmentName": "Princeton Neuroscience Institute",
    "MagneticFieldStrength": 3,
    "Manufacturer": "Siemens",
    "ManufacturersModelName": "Prisma",
    "NumberOfVolumesDiscardedByScanner": 3,
    "ParallelReductionType": "GRAPPA",
    "PartialFourier": 0.75,
    "PhaseEncodingDirection": "j-",
    "PixelBandwidth": 1240,
    "PulseSequenceDetails": "%CustomerSeq%_ep2d_bold_sms_mgh_v22",
    "PulseSequenceType": "Gradient Echo EPI",
    "ReceiveCoilActiveElements": "HC1-7;NC1,2",
    "ReceiveCoilName": "HeadNeck_64",
    "RepetitionTime": 1.5,
    "ScanOptions": "PFP_FS",
    "ScanningSequence": "EP",
    "SequenceName": "epfSM2d1_96",
    "SequenceVariant": "SK",
    "SliceTiming": [
      0.6925,
      0,
      0.79,
      0.1,
      0.8875,
      0.1975,
      0.9875,
      0.2975,
      1.085,
      0.395,
      1.185,
      0.495,
      1.2825,
      0.5925,
      1.3825,
      0.6925,
      0,
      0.79,
      0.1,
      0.8875,
      0.1975,
      0.9875,
      0.2975,
      1.085,
      0.395,
      1.185,
      0.495,
      1.2825,
      0.5925,
      1.3825,
      0.6925,
      0,
      0.79,
      0.1,
      0.8875,
      0.1975,
      0.9875,
      0.2975,
      1.085,
      0.395,
      1.185,
      0.495,
      1.2825,
      0.5925,
      1.3825,
      0.6925,
      0,
      0.79,
      0.1,
      0.8875,
      0.1975,
      0.9875,
      0.2975,
      1.085,
      0.395,
      1.185,
      0.495,
      1.2825,
      0.5925,
      1.3825
    ],
    "SoftwareVersions": "syngo_MR_D13D",
    "StationName": "AWP66018",
    "TaskDescription": "Passively listened to audio story 'shapessocial'",
    "TaskName": "shapessocial",
    "TotalReadoutTime": 0.0883478,
    "dataset": "ds002345",
    "modality": "bold",
    "subject_id": "211",
    "task_id": "shapessocial"
  },
  "dummy_trs": 1,
  "dvars_nstd": 34.159521325746745,
  "dvars_std": 1.0792333984090905,
  "dvars_vstd": 0.9701871827272731,
  "efc": 0.5631258157614409,
  "fber": 367.252197265625,
  "fd_mean": 0.09232897757410462,
  "fd_num": 12,
  "fd_perc": 3.883495145631068,
  "fwhm_avg": 2.981866666666667,
  "fwhm_x": 2.84828,
  "fwhm_y": 3.141105,
  "fwhm_z": 2.956215,
  "gcor": 0.0145227,
  "gsr_x": -0.0016816816059872508,
  "gsr_y": 0.051449451595544815,
  "provenance": {
    "md5sum": "0bd49d0a4ff01fdf3a6340b7b9e72451",
    "settings": {
      "fd_thres": 0.2,
      "testing": false
    },
    "software": "mriqc",
    "version": "22.0.0rc1",
    "webapi_port": null,
    "webapi_url": "https://mriqc.nimh.nih.gov/api/v1"
  },
  "size_t": 309,
  "size_x": 96,
  "size_y": 96,
  "size_z": 60,
  "snr": 2.0569168203716295,
  "spacing_tr": 1.5,
  "spacing_x": 2.0,
  "spacing_y": 2.0,
  "spacing_z": 2.0,
  "summary_bg_k": 60.8013398568288,
  "summary_bg_mad": 7.724885007003121,
  "summary_bg_mean": 43.000484466552734,
  "summary_bg_median": 26.132686614990234,
  "summary_bg_n": 321583.0,
  "summary_bg_p05": 19.90291404724121,
  "summary_bg_p95": 115.1546951293943,
  "summary_bg_stdv": 52.58168029785156,
  "summary_fg_k": 5.067225010619481,
  "summary_fg_mad": 203.0061050884305,
  "summary_fg_mean": 569.93994140625,
  "summary_fg_median": 518.0776977539062,
  "summary_fg_n": 145057.0,
  "summary_fg_p05": 276.9223327636719,
  "summary_fg_p95": 1038.5677001953125,
  "summary_fg_stdv": 251.87013244628906,
  "tsnr": 41.75050824950449
}