{
  "aor": 0.0008844838709677421,
  "aqi": 0.005668776903225806,
  "bids_meta": {
    "CogAtlasID": "https://www.cognitiveatlas.org/task/id/trm_4c8991fadfe01",
    "DeviceSerialNumber": "66018",
    "DwellTime": 4.2e-06,
    "EchoTime": 0.039,
    "EffectiveEchoSpacing": 0.000929976,
    "FlipAngle": 50,
    "InstitutionAddress": "Washington Rd, Princeton, NJ 08540, USA",
    "InstitutionName": "Princeton University",
    "InstitutionalDepartmentName": "Princeton Neuroscience Institute",
    "MagneticFieldStrength": 3,
    "Manufacturer": "Siemens",
    "ManufacturersModelName": "Prisma",
    "NumberOfVolumesDiscardedByScanner": 3,
    "ParallelReductionType": "GRAPPA",
    "PartialFourier": 0.75,
    "PhaseEncodingDirection": "j-",
    "PixelBandwidth": 1240,
    "PulseSequenceDetails": "%CustomerSeq%_ep2d_bold_sms_mgh_v22",
    "PulseSequenceType": "Gradient Echo EPI",
    "ReceiveCoilActiveElements": "HC1-7;NC1,2",
    "ReceiveCoilName": "HeadNeck_64",
    "RepetitionTime": 1.5,
    "ScanOptions": "PFP_FS",
    "ScanningSequence": "EP",
    "SequenceName": "epfSM2d1_96",
    "SequenceVariant": "SK",
    "SliceTiming": [
      0.6925,
      0,
      0.79,
      0.1,
      0.8875,
      0.1975,
      0.9875,
      0.2975,
      1.085,
      0.395,
      1.185,
      0.495,
      1.2825,
      0.5925,
      1.3825,
      0.6925,
      0,
      0.79,
      0.1,
      0.8875,
      0.1975,
      0.9875,
      0.2975,
      1.085,
      0.395,
      1.185,
      0.495,
      1.2825,
      0.5925,
      1.3825,
      0.6925,
      0,
      0.79,
      0.1,
      0.8875,
      0.1975,
      0.9875,
      0.2975,
      1.085,
      0.395,
      1.185,
      0.495,
      1.2825,
      0.5925,
      1.3825,
      0.6925,
      0,
      0.79,
      0.1,
      0.8875,
      0.1975,
      0.9875,
      0.2975,
      1.085,
      0.395,
      1.185,
      0.495,
      1.2825,
      0.5925,
      1.3825
    ],
    "SoftwareVersions": "syngo_MR_D13D",
    "StationName": "AWP66018",
    "TaskDescription": "Passively listened to audio story 'shapesphysical'",
    "TaskName": "shapesphysical",
    "TotalReadoutTime": 0.0883478,
    "dataset": "ds002345",
    "modality": "bold",
    "subject_id": "211",
    "task_id": "shapesphysical"
  },
  "dummy_trs": 0,
  "dvars_nstd": 36.04022268042069,
  "dvars_std": 1.1366186364077677,
  "dvars_vstd": 0.9982166675080899,
  "efc": 0.5633724685369037,
  "fber": 366.52825927734375,
  "fd_mean": 0.12477132631492545,
  "fd_num": 33,
  "fd_perc": 10.64516129032258,
  "fwhm_avg": 2.9981416666666667,
  "fwhm_x": 2.85763,
  "fwhm_y": 3.15716,
  "fwhm_z": 2.979635,
  "gcor": 0.0210921,
  "gsr_x": -0.003241779515519738,
  "gsr_y": 0.05555497109889984,
  "provenance": {
    "md5sum": "7f21061a06e5ba6ab8ce52735e19b8e9",
    "settings": {
      "fd_thres": 0.2,
      "testing": false
    },
    "software": "mriqc",
    "version": "22.0.0rc1",
    "webapi_port": null,
    "webapi_url": "https://mriqc.nimh.nih.gov/api/v1"
  },
  "size_t": 310,
  "size_x": 96,
  "size_y": 96,
  "size_z": 60,
  "snr": 2.0396305908555825,
  "spacing_tr": 1.5,
  "spacing_x": 2.0,
  "spacing_y": 2.0,
  "spacing_z": 2.0,
  "summary_bg_k": 87.50072838002075,
  "summary_bg_mad": 8.163875954342354,
  "summary_bg_mean": 43.93574142456055,
  "summary_bg_median": 26.303224563598633,
  "summary_bg_n": 320697.0,
  "summary_bg_p05": 19.274192810058594,
  "summary_bg_p95": 118.35354461669934,
  "summary_bg_stdv": 57.33859634399414,
  "summary_fg_k": 5.1709797701392795,
  "summary_fg_mad": 205.66802941464329,
  "summary_fg_mean": 573.5086669921875,
  "summary_fg_median": 520.1257934570312,
  "summary_fg_n": 145592.0,
  "summary_fg_p05": 278.0290222167969,
  "summary_fg_p95": 1048.4875793457027,
  "summary_fg_stdv": 255.00892639160156,
  "tsnr": 42.85348702641204
}