{
  "aor": 0.0005462999999999999,
  "aqi": 0.0040626571666666665,
  "bids_meta": {
    "CogAtlasID": "https://www.cognitiveatlas.org/task/id/trm_4c8991fadfe01",
    "DeviceSerialNumber": "45031",
    "DwellTime": 5.4e-06,
    "EchoTime": 0.028,
    "EffectiveEchoSpacing": 0.000390001,
    "FlipAngle": 64,
    "InstitutionAddress": "Washington Rd, Princeton, NJ 08540, USA",
    "InstitutionName": "Princeton University",
    "InstitutionalDepartmentName": "Princeton Neuroscience Institute",
    "MagneticFieldStrength": 3,
    "Manufacturer": "Siemens",
    "ManufacturersModelName": "Skyra",
    "NumberOfVolumesDiscardedByScanner": 3,
    "ParallelReductionFactorInPlane": 2,
    "ParallelReductionType": "GRAPPA",
    "PartialFourier": 1,
    "PhaseEncodingDirection": "j-",
    "PixelBandwidth": 1445,
    "PulseSequenceDetails": "%SiemensSeq%_ep2d_bold",
    "PulseSequenceType": "Gradient Echo EPI",
    "ReceiveCoilActiveElements": "HE1-4",
    "ReceiveCoilName": "HeadNeck_20",
    "RepetitionTime": 1.5,
    "ScanOptions": "FS",
    "ScanningSequence": "EP",
    "SequenceName": "_epfid2d1_64",
    "SequenceVariant": "SK",
    "SliceTiming": [
      0,
      0.7775,
      0.055,
      0.8325,
      0.11,
      0.89,
      0.1675,
      0.945,
      0.2225,
      1,
      0.2775,
      1.055,
      0.3325,
      1.11,
      0.39,
      1.1675,
      0.445,
      1.2225,
      0.5,
      1.2775,
      0.555,
      1.3325,
      0.61,
      1.3875,
      0.6675,
      1.445,
      0.7225
    ],
    "SoftwareVersions": "syngo_MR_D11",
    "StationName": "AWP45031",
    "TaskDescription": "Passively listened to audio story 'pieman'",
    "TaskName": "pieman",
    "TotalReadoutTime": 0.0245701,
    "dataset": "ds002345",
    "modality": "bold",
    "subject_id": "067",
    "task_id": "pieman"
  },
  "dummy_trs": 0,
  "dvars_nstd": 18.791075499096994,
  "dvars_std": 1.223655103879598,
  "dvars_vstd": 0.999227975384616,
  "efc": 0.5799979080400048,
  "fber": 2160.935791015625,
  "fd_mean": 0.09153997986280997,
  "fd_num": 0,
  "fd_perc": 0.0,
  "fwhm_avg": 1.8299816666666668,
  "fwhm_x": 1.7994166666666667,
  "fwhm_y": 1.9723533333333334,
  "fwhm_z": 1.718175,
  "gcor": 0.0707747,
  "gsr_x": -0.00982636772096157,
  "gsr_y": 0.029591424390673637,
  "provenance": {
    "md5sum": "5ee49ab80bf8b3ebf69de2e9a454bd48",
    "settings": {
      "fd_thres": 0.2,
      "testing": false
    },
    "software": "mriqc",
    "version": "21.0.0rc2",
    "webapi_port": null,
    "webapi_url": "https://mriqc.nimh.nih.gov/api/v1"
  },
  "size_t": 300,
  "size_x": 64,
  "size_y": 64,
  "size_z": 27,
  "snr": 7.519253853688342,
  "spacing_tr": 1.5,
  "spacing_x": 3.0,
  "spacing_y": 3.0,
  "spacing_z": 4.0,
  "summary_bg_k": 38.25818919863616,
  "summary_bg_mad": 10.26949359141573,
  "summary_bg_mean": 40.23906707763672,
  "summary_bg_median": 15.553333282470703,
  "summary_bg_n": 55997.0,
  "summary_bg_p05": 6.813333511352539,
  "summary_bg_p95": 143.63266601562492,
  "summary_bg_stdv": 78.09276580810547,
  "summary_fg_k": 1.6241179852440384,
  "summary_fg_mad": 98.80063355901925,
  "summary_fg_mean": 767.9676513671875,
  "summary_fg_median": 763.75,
  "summary_fg_n": 26006.0,
  "summary_fg_p05": 617.5650024414062,
  "summary_fg_p95": 934.5350341796875,
  "summary_fg_stdv": 101.57062530517578,
  "tsnr": 96.12616732669994
}