{
  "aor": 0.0010662526315789473,
  "aqi": 0.02092660261052632,
  "bids_meta": {
    "CogAtlasID": "https://www.cognitiveatlas.org/task/id/trm_4c8991fadfe01",
    "DeviceSerialNumber": "45031",
    "DwellTime": 5.4e-06,
    "EchoTime": 0.028,
    "EffectiveEchoSpacing": 0.000390001,
    "FlipAngle": 64,
    "InstitutionAddress": "Washington Rd, Princeton, NJ 08540, USA",
    "InstitutionName": "Princeton University",
    "InstitutionalDepartmentName": "Princeton Neuroscience Institute",
    "MagneticFieldStrength": 3,
    "Manufacturer": "Siemens",
    "ManufacturersModelName": "Skyra",
    "NumberOfVolumesDiscardedByScanner": 3,
    "ParallelReductionFactorInPlane": 2,
    "ParallelReductionType": "GRAPPA",
    "PartialFourier": 1,
    "PhaseEncodingDirection": "j-",
    "PixelBandwidth": 1445,
    "PulseSequenceDetails": "%SiemensSeq%_ep2d_bold",
    "PulseSequenceType": "Gradient Echo EPI",
    "ReceiveCoilActiveElements": "HE1-4",
    "ReceiveCoilName": "HeadNeck_20",
    "RepetitionTime": 1.5,
    "ScanOptions": "FS",
    "ScanningSequence": "EP",
    "SequenceName": "_epfid2d1_64",
    "SequenceVariant": "SK",
    "SliceTiming": [
      0,
      0.7775,
      0.055,
      0.8325,
      0.11,
      0.8875,
      0.165,
      0.9425,
      0.22,
      0.9975,
      0.2775,
      1.055,
      0.3325,
      1.11,
      0.3875,
      1.165,
      0.4425,
      1.22,
      0.5,
      1.2775,
      0.555,
      1.3325,
      0.61,
      1.3875,
      0.665,
      1.4425,
      0.72
    ],
    "SoftwareVersions": "syngo_MR_D11",
    "StationName": "AWP45031",
    "TaskDescription": "Passively listened to audio story 'prettymouth'",
    "TaskName": "prettymouth",
    "TotalReadoutTime": 0.0245701,
    "dataset": "ds002345",
    "modality": "bold",
    "subject_id": "083",
    "task_id": "prettymouth"
  },
  "dummy_trs": 0,
  "dvars_nstd": 19.51235177044303,
  "dvars_std": 1.0087518927215195,
  "dvars_vstd": 0.9433796466244725,
  "efc": 0.5969611783087304,
  "fber": 1653.1883544921875,
  "fd_mean": 0.17232059758413476,
  "fd_num": 117,
  "fd_perc": 24.63157894736842,
  "fwhm_avg": 1.7304047065585852,
  "fwhm_x": 1.7275934706301268,
  "fwhm_y": 1.9177033333333335,
  "fwhm_z": 1.5459173157122952,
  "gcor": 0.040826,
  "gsr_x": -0.00399927981197834,
  "gsr_y": 0.04609120264649391,
  "provenance": {
    "md5sum": "31dd4c4350ed0e64d20f766c1a8e9d70",
    "settings": {
      "fd_thres": 0.2,
      "testing": false
    },
    "software": "mriqc",
    "version": "21.0.0rc2",
    "webapi_port": null,
    "webapi_url": "https://mriqc.nimh.nih.gov/api/v1"
  },
  "size_t": 475,
  "size_x": 64,
  "size_y": 64,
  "size_z": 27,
  "snr": 7.388371745653915,
  "spacing_tr": 1.5,
  "spacing_x": 2.999999761581421,
  "spacing_y": 3.0,
  "spacing_z": 4.000000476837158,
  "summary_bg_k": 25.877205990210353,
  "summary_bg_mad": 11.225639792585499,
  "summary_bg_mean": 39.59807205200195,
  "summary_bg_median": 16.04315757751465,
  "summary_bg_n": 54040.0,
  "summary_bg_p05": 7.096841812133789,
  "summary_bg_p95": 153.14568252563382,
  "summary_bg_stdv": 69.4671859741211,
  "summary_fg_k": 1.944142906825845,
  "summary_fg_mad": 87.00533119221211,
  "summary_fg_mean": 689.900390625,
  "summary_fg_median": 681.95263671875,
  "summary_fg_n": 27914.0,
  "summary_fg_p05": 560.8743194580078,
  "summary_fg_p95": 848.7441864013672,
  "summary_fg_stdv": 92.29914855957031,
  "tsnr": 47.140052013564855
}