{
  "aor": 0.004070572390572392,
  "aqi": 0.012066310909090909,
  "bids_meta": {
    "CogAtlasID": "https://www.cognitiveatlas.org/task/id/trm_4c8991fadfe01",
    "DeviceSerialNumber": "45031",
    "DwellTime": 5.4e-06,
    "EchoTime": 0.028,
    "EffectiveEchoSpacing": 0.000390001,
    "FlipAngle": 64,
    "InstitutionAddress": "Washington Rd, Princeton, NJ 08540, USA",
    "InstitutionName": "Princeton University",
    "InstitutionalDepartmentName": "Princeton Neuroscience Institute",
    "MagneticFieldStrength": 3,
    "Manufacturer": "Siemens",
    "ManufacturersModelName": "Skyra",
    "NumberOfVolumesDiscardedByScanner": 3,
    "ParallelReductionFactorInPlane": 2,
    "ParallelReductionType": "GRAPPA",
    "PartialFourier": 1,
    "PhaseEncodingDirection": "j-",
    "PixelBandwidth": 1445,
    "PulseSequenceDetails": "%SiemensSeq%_ep2d_bold",
    "PulseSequenceType": "Gradient Echo EPI",
    "ReceiveCoilActiveElements": "HE1-4",
    "ReceiveCoilName": "HeadNeck_20",
    "RepetitionTime": 1.5,
    "ScanOptions": "FS",
    "ScanningSequence": "EP",
    "SequenceName": "_epfid2d1_64",
    "SequenceVariant": "SK",
    "SliceTiming": [
      0,
      0.7775,
      0.055,
      0.8325,
      0.11,
      0.8875,
      0.165,
      0.9425,
      0.22,
      0.9975,
      0.2775,
      1.055,
      0.3325,
      1.11,
      0.3875,
      1.165,
      0.4425,
      1.22,
      0.5,
      1.2775,
      0.555,
      1.3325,
      0.61,
      1.3875,
      0.665,
      1.4425,
      0.72
    ],
    "SoftwareVersions": "syngo_MR_D11",
    "StationName": "AWP45031",
    "TaskDescription": "Passively listened to audio story 'milkyway'",
    "TaskName": "milkyway",
    "TotalReadoutTime": 0.0245701,
    "dataset": "ds002345",
    "modality": "bold",
    "subject_id": "083",
    "task_id": "milkyway"
  },
  "dummy_trs": 0,
  "dvars_nstd": 20.6265974429054,
  "dvars_std": 1.1055305271621623,
  "dvars_vstd": 1.0180517687499995,
  "efc": 0.5966318981395852,
  "fber": 1745.1121826171875,
  "fd_mean": 0.17675419425867664,
  "fd_num": 65,
  "fd_perc": 21.885521885521886,
  "fwhm_avg": 1.7242838722628908,
  "fwhm_x": 1.712936802798653,
  "fwhm_y": 1.8995499999999998,
  "fwhm_z": 1.560364813990019,
  "gcor": 0.0247032,
  "gsr_x": -0.00461484445258975,
  "gsr_y": 0.04533638060092926,
  "provenance": {
    "md5sum": "a52b2efbfe089ab88a96e7b6417a3651",
    "settings": {
      "fd_thres": 0.2,
      "testing": false
    },
    "software": "mriqc",
    "version": "21.0.0rc2",
    "webapi_port": null,
    "webapi_url": "https://mriqc.nimh.nih.gov/api/v1"
  },
  "size_t": 297,
  "size_x": 64,
  "size_y": 64,
  "size_z": 27,
  "snr": 7.35757147305166,
  "spacing_tr": 1.5,
  "spacing_x": 2.999999761581421,
  "spacing_y": 3.0,
  "spacing_z": 4.000000476837158,
  "summary_bg_k": 25.830851485601865,
  "summary_bg_mad": 10.153578337036059,
  "summary_bg_mean": 38.455772399902344,
  "summary_bg_median": 15.32323169708252,
  "summary_bg_n": 53830.0,
  "summary_bg_p05": 7.010100841522217,
  "summary_bg_p95": 148.37171554565418,
  "summary_bg_stdv": 68.78038787841797,
  "summary_fg_k": 1.8752401593634236,
  "summary_fg_mad": 87.70568518819135,
  "summary_fg_mean": 688.37646484375,
  "summary_fg_median": 680.5369873046875,
  "summary_fg_n": 28014.0,
  "summary_fg_p05": 558.9504699707031,
  "summary_fg_p95": 845.9080505371094,
  "summary_fg_stdv": 92.49313354492188,
  "tsnr": 59.422209416516125
}