{
  "aor": 0.000529789029535865,
  "aqi": 0.009311818227848101,
  "bids_meta": {
    "CogAtlasID": "https://www.cognitiveatlas.org/task/id/trm_4c8991fadfe01",
    "DeviceSerialNumber": "45031",
    "DwellTime": 5.4e-06,
    "EchoTime": 0.028,
    "EffectiveEchoSpacing": 0.000390001,
    "FlipAngle": 64,
    "InstitutionAddress": "Washington Rd, Princeton, NJ 08540, USA",
    "InstitutionName": "Princeton University",
    "InstitutionalDepartmentName": "Princeton Neuroscience Institute",
    "MagneticFieldStrength": 3,
    "Manufacturer": "Siemens",
    "ManufacturersModelName": "Skyra",
    "NumberOfVolumesDiscardedByScanner": 3,
    "ParallelReductionFactorInPlane": 2,
    "ParallelReductionType": "GRAPPA",
    "PartialFourier": 1,
    "PhaseEncodingDirection": "j-",
    "PixelBandwidth": 1445,
    "PulseSequenceDetails": "%SiemensSeq%_ep2d_bold",
    "PulseSequenceType": "Gradient Echo EPI",
    "ReceiveCoilActiveElements": "HE1-4",
    "ReceiveCoilName": "HeadNeck_20",
    "RepetitionTime": 1.5,
    "ScanOptions": "FS",
    "ScanningSequence": "EP",
    "SequenceName": "_epfid2d1_64",
    "SequenceVariant": "SK",
    "SliceTiming": [
      0,
      0.7775,
      0.055,
      0.8325,
      0.11,
      0.8875,
      0.165,
      0.9425,
      0.22,
      0.9975,
      0.2775,
      1.055,
      0.3325,
      1.11,
      0.3875,
      1.165,
      0.4425,
      1.22,
      0.5,
      1.2775,
      0.555,
      1.3325,
      0.61,
      1.3875,
      0.665,
      1.4425,
      0.72
    ],
    "SoftwareVersions": "syngo_MR_D11",
    "StationName": "AWP45031",
    "TaskDescription": "Passively listened to audio story 'prettymouth'",
    "TaskName": "prettymouth",
    "TotalReadoutTime": 0.0245701,
    "dataset": "ds002345",
    "modality": "bold",
    "subject_id": "109",
    "task_id": "prettymouth"
  },
  "dummy_trs": 1,
  "dvars_nstd": 19.018363714799133,
  "dvars_std": 1.0431538587103588,
  "dvars_vstd": 0.952377121733615,
  "efc": 0.6252165016500083,
  "fber": 1242.7178955078125,
  "fd_mean": 0.13725108518908663,
  "fd_num": 57,
  "fd_perc": 12.025316455696203,
  "fwhm_avg": 1.7091139865161626,
  "fwhm_x": 1.6443333333333332,
  "fwhm_y": 1.9717966666666669,
  "fwhm_z": 1.5112119595484879,
  "gcor": 0.0522749,
  "gsr_x": -0.024270404130220413,
  "gsr_y": 0.0726160779595375,
  "provenance": {
    "md5sum": "5aef6e56f41366ce1c9f87e5e2d229fb",
    "settings": {
      "fd_thres": 0.2,
      "testing": false
    },
    "software": "mriqc",
    "version": "22.0.0rc1",
    "webapi_port": null,
    "webapi_url": "https://mriqc.nimh.nih.gov/api/v1"
  },
  "size_t": 474,
  "size_x": 64,
  "size_y": 64,
  "size_z": 27,
  "snr": 6.4097454592511305,
  "spacing_tr": 1.5,
  "spacing_x": 3.0,
  "spacing_y": 3.0,
  "spacing_z": 4.000001430511475,
  "summary_bg_k": 18.3040665949456,
  "summary_bg_mad": 14.588305528763607,
  "summary_bg_mean": 50.578948974609375,
  "summary_bg_median": 18.322784423828125,
  "summary_bg_n": 52264.0,
  "summary_bg_p05": 6.9834383726119995,
  "summary_bg_p95": 196.45989990234375,
  "summary_bg_stdv": 76.50150299072266,
  "summary_fg_k": 1.9653799228598174,
  "summary_fg_mad": 102.96579201937601,
  "summary_fg_mean": 701.10107421875,
  "summary_fg_median": 693.6687622070312,
  "summary_fg_n": 29706.0,
  "summary_fg_p05": 549.0078735351562,
  "summary_fg_p95": 878.0986022949219,
  "summary_fg_stdv": 108.21913146972656,
  "tsnr": 58.082589184166864
}