{
  "aor": 0.0009681957773512476,
  "aqi": 0.004170932610364683,
  "bids_meta": {
    "CogAtlasID": "https://www.cognitiveatlas.org/task/id/trm_4c8991fadfe01",
    "DeviceSerialNumber": "66018",
    "DwellTime": 4.2e-06,
    "EchoTime": 0.039,
    "EffectiveEchoSpacing": 0.000929976,
    "FlipAngle": 50,
    "InstitutionAddress": "Washington Rd, Princeton, NJ 08540, USA",
    "InstitutionName": "Princeton University",
    "InstitutionalDepartmentName": "Princeton Neuroscience Institute",
    "MagneticFieldStrength": 3,
    "Manufacturer": "Siemens",
    "ManufacturersModelName": "Prisma",
    "NumberOfVolumesDiscardedByScanner": 3,
    "ParallelReductionType": "GRAPPA",
    "PartialFourier": 0.75,
    "PhaseEncodingDirection": "j-",
    "PixelBandwidth": 1240,
    "PulseSequenceDetails": "%CustomerSeq%_ep2d_bold_sms_mgh_v22",
    "PulseSequenceType": "Gradient Echo EPI",
    "ReceiveCoilActiveElements": "HC1-7;NC1,2",
    "ReceiveCoilName": "HeadNeck_64",
    "RepetitionTime": 1.5,
    "ScanOptions": "PFP_FS",
    "ScanningSequence": "EP",
    "SequenceName": "epfSM2d1_96",
    "SequenceVariant": "SK",
    "SliceTiming": [
      0.6925,
      0,
      0.79,
      0.1,
      0.8875,
      0.1975,
      0.9875,
      0.2975,
      1.085,
      0.395,
      1.185,
      0.495,
      1.2825,
      0.5925,
      1.3825,
      0.6925,
      0,
      0.79,
      0.1,
      0.8875,
      0.1975,
      0.9875,
      0.2975,
      1.085,
      0.395,
      1.185,
      0.495,
      1.2825,
      0.5925,
      1.3825,
      0.6925,
      0,
      0.79,
      0.1,
      0.8875,
      0.1975,
      0.9875,
      0.2975,
      1.085,
      0.395,
      1.185,
      0.495,
      1.2825,
      0.5925,
      1.3825,
      0.6925,
      0,
      0.79,
      0.1,
      0.8875,
      0.1975,
      0.9875,
      0.2975,
      1.085,
      0.395,
      1.185,
      0.495,
      1.2825,
      0.5925,
      1.3825
    ],
    "SoftwareVersions": "syngo_MR_D13D",
    "StationName": "AWP66018",
    "TaskDescription": "Passively listened to audio story 'schema'",
    "TaskName": "schema",
    "TotalReadoutTime": 0.0883478,
    "dataset": "ds002345",
    "modality": "bold",
    "run_id": 3,
    "subject_id": "109",
    "task_id": "schema"
  },
  "dummy_trs": 1,
  "dvars_nstd": 33.9995154491923,
  "dvars_std": 1.100154348346153,
  "dvars_vstd": 1.0085624853461532,
  "efc": 0.6000301758439035,
  "fber": 250.4254150390625,
  "fd_mean": 0.1187526491249185,
  "fd_num": 26,
  "fd_perc": 4.990403071017274,
  "fwhm_avg": 2.889393333333333,
  "fwhm_x": 2.767335,
  "fwhm_y": 3.010995,
  "fwhm_z": 2.88985,
  "gcor": 0.017838,
  "gsr_x": -0.01487872377038002,
  "gsr_y": 0.08502562344074249,
  "provenance": {
    "md5sum": "214ec1915cea10b5198da7b598e785a3",
    "settings": {
      "fd_thres": 0.2,
      "testing": false
    },
    "software": "mriqc",
    "version": "22.0.0rc1",
    "webapi_port": null,
    "webapi_url": "https://mriqc.nimh.nih.gov/api/v1"
  },
  "size_t": 521,
  "size_x": 96,
  "size_y": 96,
  "size_z": 60,
  "snr": 1.798135245356974,
  "spacing_tr": 1.5,
  "spacing_x": 2.0,
  "spacing_y": 2.0,
  "spacing_z": 2.0,
  "summary_bg_k": 23.93524266157452,
  "summary_bg_mad": 9.039321277155736,
  "summary_bg_mean": 57.844120025634766,
  "summary_bg_median": 27.63147735595703,
  "summary_bg_n": 300772.0,
  "summary_bg_p05": 20.4030704498291,
  "summary_bg_p95": 210.5668891906739,
  "summary_bg_stdv": 75.84329986572266,
  "summary_fg_k": 5.267872280643886,
  "summary_fg_mad": 198.93761348719963,
  "summary_fg_mean": 518.669677734375,
  "summary_fg_median": 460.13336181640625,
  "summary_fg_n": 157998.0,
  "summary_fg_p05": 235.89135055541993,
  "summary_fg_p95": 1000.748941040039,
  "summary_fg_stdv": 255.89393615722656,
  "tsnr": 41.568634756375104
}