{
  "aor": 0.0012139157894736844,
  "aqi": 0.011514632799999999,
  "bids_meta": {
    "CogAtlasID": "https://www.cognitiveatlas.org/task/id/trm_4c8991fadfe01",
    "DeviceSerialNumber": "45031",
    "DwellTime": 5.4e-06,
    "EchoTime": 0.028,
    "EffectiveEchoSpacing": 0.000390001,
    "FlipAngle": 64,
    "InstitutionAddress": "Washington Rd, Princeton, NJ 08540, USA",
    "InstitutionName": "Princeton University",
    "InstitutionalDepartmentName": "Princeton Neuroscience Institute",
    "MagneticFieldStrength": 3,
    "Manufacturer": "Siemens",
    "ManufacturersModelName": "Skyra",
    "NumberOfVolumesDiscardedByScanner": 3,
    "ParallelReductionFactorInPlane": 2,
    "ParallelReductionType": "GRAPPA",
    "PartialFourier": 1,
    "PhaseEncodingDirection": "j-",
    "PixelBandwidth": 1445,
    "PulseSequenceDetails": "%SiemensSeq%_ep2d_bold",
    "PulseSequenceType": "Gradient Echo EPI",
    "ReceiveCoilActiveElements": "HE1-4",
    "ReceiveCoilName": "HeadNeck_20",
    "RepetitionTime": 1.5,
    "ScanOptions": "FS",
    "ScanningSequence": "EP",
    "SequenceName": "_epfid2d1_64",
    "SequenceVariant": "SK",
    "SliceTiming": [
      0,
      0.7775,
      0.055,
      0.8325,
      0.11,
      0.8875,
      0.165,
      0.9425,
      0.22,
      0.9975,
      0.2775,
      1.055,
      0.3325,
      1.11,
      0.3875,
      1.165,
      0.4425,
      1.22,
      0.5,
      1.2775,
      0.555,
      1.3325,
      0.61,
      1.3875,
      0.665,
      1.4425,
      0.72
    ],
    "SoftwareVersions": "syngo_MR_D11",
    "StationName": "AWP45031",
    "TaskDescription": "Passively listened to audio story 'prettymouth'",
    "TaskName": "prettymouth",
    "TotalReadoutTime": 0.0245701,
    "dataset": "ds002345",
    "modality": "bold",
    "subject_id": "090",
    "task_id": "prettymouth"
  },
  "dummy_trs": 0,
  "dvars_nstd": 19.879774761350212,
  "dvars_std": 1.0530308148523202,
  "dvars_vstd": 0.9737481530168774,
  "efc": 0.5824732301485458,
  "fber": 1948.9510498046875,
  "fd_mean": 0.17347292913442033,
  "fd_num": 166,
  "fd_perc": 34.94736842105263,
  "fwhm_avg": 1.8008340320935172,
  "fwhm_x": 1.6973833333333335,
  "fwhm_y": 2.0117966666666667,
  "fwhm_z": 1.693322096280552,
  "gcor": 0.029632,
  "gsr_x": -0.008744580671191216,
  "gsr_y": 0.04410137981176376,
  "provenance": {
    "md5sum": "fcdcc8aa94576c04b6157cbbbb0a3bf8",
    "settings": {
      "fd_thres": 0.2,
      "testing": false
    },
    "software": "mriqc",
    "version": "21.0.0rc2",
    "webapi_port": null,
    "webapi_url": "https://mriqc.nimh.nih.gov/api/v1"
  },
  "size_t": 475,
  "size_x": 64,
  "size_y": 64,
  "size_z": 27,
  "snr": 7.441873227535909,
  "spacing_tr": 1.5,
  "spacing_x": 3.0,
  "spacing_y": 3.0,
  "spacing_z": 4.000000953674316,
  "summary_bg_k": 14.59826445360821,
  "summary_bg_mad": 11.135122070048926,
  "summary_bg_mean": 41.999412536621094,
  "summary_bg_median": 15.912631034851074,
  "summary_bg_n": 56638.0,
  "summary_bg_p05": 6.776841640472412,
  "summary_bg_p95": 190.12620468139608,
  "summary_bg_stdv": 72.13153839111328,
  "summary_fg_k": 2.5402140016231742,
  "summary_fg_mad": 89.62096944452561,
  "summary_fg_mean": 746.2573852539062,
  "summary_fg_median": 736.66943359375,
  "summary_fg_n": 26681.0,
  "summary_fg_p05": 613.4041748046875,
  "summary_fg_p95": 919.8209838867188,
  "summary_fg_stdv": 98.98793029785156,
  "tsnr": 61.19455439504236
}