{
  "aor": 0.000590976430976431,
  "aqi": 0.02179298084175084,
  "bids_meta": {
    "CogAtlasID": "https://www.cognitiveatlas.org/task/id/trm_4c8991fadfe01",
    "DeviceSerialNumber": "45031",
    "DwellTime": 5.4e-06,
    "EchoTime": 0.028,
    "EffectiveEchoSpacing": 0.000390001,
    "FlipAngle": 64,
    "InstitutionAddress": "Washington Rd, Princeton, NJ 08540, USA",
    "InstitutionName": "Princeton University",
    "InstitutionalDepartmentName": "Princeton Neuroscience Institute",
    "MagneticFieldStrength": 3,
    "Manufacturer": "Siemens",
    "ManufacturersModelName": "Skyra",
    "NumberOfVolumesDiscardedByScanner": 3,
    "ParallelReductionFactorInPlane": 2,
    "ParallelReductionType": "GRAPPA",
    "PartialFourier": 1,
    "PhaseEncodingDirection": "j-",
    "PixelBandwidth": 1445,
    "PulseSequenceDetails": "%SiemensSeq%_ep2d_bold",
    "PulseSequenceType": "Gradient Echo EPI",
    "ReceiveCoilActiveElements": "HE1-4",
    "ReceiveCoilName": "HeadNeck_20",
    "RepetitionTime": 1.5,
    "ScanOptions": "FS",
    "ScanningSequence": "EP",
    "SequenceName": "_epfid2d1_64",
    "SequenceVariant": "SK",
    "SliceTiming": [
      0,
      0.7775,
      0.055,
      0.8325,
      0.11,
      0.8875,
      0.165,
      0.9425,
      0.22,
      0.9975,
      0.2775,
      1.055,
      0.3325,
      1.11,
      0.3875,
      1.165,
      0.4425,
      1.22,
      0.5,
      1.2775,
      0.555,
      1.3325,
      0.61,
      1.3875,
      0.665,
      1.4425,
      0.72
    ],
    "SoftwareVersions": "syngo_MR_D11",
    "StationName": "AWP45031",
    "TaskDescription": "Passively listened to audio story 'milkyway'",
    "TaskName": "milkyway",
    "TotalReadoutTime": 0.0245701,
    "dataset": "ds002345",
    "modality": "bold",
    "subject_id": "090",
    "task_id": "milkyway"
  },
  "dummy_trs": 0,
  "dvars_nstd": 19.571502988243246,
  "dvars_std": 0.965765070810811,
  "dvars_vstd": 0.9113411830067571,
  "efc": 0.5836088010755041,
  "fber": 1903.2406005859375,
  "fd_mean": 0.1848663810061716,
  "fd_num": 118,
  "fd_perc": 39.73063973063973,
  "fwhm_avg": 1.8134240385530698,
  "fwhm_x": 1.74245,
  "fwhm_y": 2.08578,
  "fwhm_z": 1.6120421156592093,
  "gcor": 0.0103901,
  "gsr_x": -0.00972156785428524,
  "gsr_y": 0.04438645392656326,
  "provenance": {
    "md5sum": "060ac09c25626ba816511ce11775a06e",
    "settings": {
      "fd_thres": 0.2,
      "testing": false
    },
    "software": "mriqc",
    "version": "21.0.0rc2",
    "webapi_port": null,
    "webapi_url": "https://mriqc.nimh.nih.gov/api/v1"
  },
  "size_t": 297,
  "size_x": 64,
  "size_y": 64,
  "size_z": 27,
  "snr": 7.370681255181479,
  "spacing_tr": 1.5,
  "spacing_x": 3.0,
  "spacing_y": 3.0,
  "spacing_z": 4.000000953674316,
  "summary_bg_k": 14.281075269219503,
  "summary_bg_mad": 11.596243687863211,
  "summary_bg_mean": 42.17770004272461,
  "summary_bg_median": 16.151514053344727,
  "summary_bg_n": 56574.0,
  "summary_bg_p05": 6.713804721832275,
  "summary_bg_p95": 189.53248748779293,
  "summary_bg_stdv": 71.41378784179688,
  "summary_fg_k": 2.3808830058528896,
  "summary_fg_mad": 90.82811749108717,
  "summary_fg_mean": 744.2462768554688,
  "summary_fg_median": 733.7171630859375,
  "summary_fg_n": 26824.0,
  "summary_fg_p05": 608.675927734375,
  "summary_fg_p95": 918.6173400878905,
  "summary_fg_stdv": 99.54351043701172,
  "tsnr": 51.30131180852186
}