{
  "aor": 0.006017964071856287,
  "aqi": 0.009251180019960078,
  "bids_meta": {
    "CogAtlasID": "https://www.cognitiveatlas.org/task/id/trm_4c8991fadfe01",
    "DeviceSerialNumber": "66018",
    "DwellTime": 4.2e-06,
    "EchoTime": 0.039,
    "EffectiveEchoSpacing": 0.000929976,
    "FlipAngle": 50,
    "InstitutionAddress": "Washington Rd, Princeton, NJ 08540, USA",
    "InstitutionName": "Princeton University",
    "InstitutionalDepartmentName": "Princeton Neuroscience Institute",
    "MagneticFieldStrength": 3,
    "Manufacturer": "Siemens",
    "ManufacturersModelName": "Prisma",
    "NumberOfVolumesDiscardedByScanner": 3,
    "ParallelReductionType": "GRAPPA",
    "PartialFourier": 0.75,
    "PhaseEncodingDirection": "j-",
    "PixelBandwidth": 1240,
    "PulseSequenceDetails": "%CustomerSeq%_ep2d_bold_sms_mgh_v22",
    "PulseSequenceType": "Gradient Echo EPI",
    "ReceiveCoilActiveElements": "HC1-7;NC1,2",
    "ReceiveCoilName": "HeadNeck_64",
    "RepetitionTime": 1.5,
    "ScanOptions": "PFP_FS",
    "ScanningSequence": "EP",
    "SequenceName": "epfSM2d1_96",
    "SequenceVariant": "SK",
    "SliceTiming": [
      0.6925,
      0,
      0.79,
      0.1,
      0.8875,
      0.1975,
      0.9875,
      0.2975,
      1.085,
      0.395,
      1.185,
      0.495,
      1.2825,
      0.5925,
      1.3825,
      0.6925,
      0,
      0.79,
      0.1,
      0.8875,
      0.1975,
      0.9875,
      0.2975,
      1.085,
      0.395,
      1.185,
      0.495,
      1.2825,
      0.5925,
      1.3825,
      0.6925,
      0,
      0.79,
      0.1,
      0.8875,
      0.1975,
      0.9875,
      0.2975,
      1.085,
      0.395,
      1.185,
      0.495,
      1.2825,
      0.5925,
      1.3825,
      0.6925,
      0,
      0.79,
      0.1,
      0.8875,
      0.1975,
      0.9875,
      0.2975,
      1.085,
      0.395,
      1.185,
      0.495,
      1.2825,
      0.5925,
      1.3825
    ],
    "SoftwareVersions": "syngo_MR_D13D",
    "StationName": "AWP66018",
    "TaskDescription": "Passively listened to audio story 'schema'",
    "TaskName": "schema",
    "TotalReadoutTime": 0.0883478,
    "dataset": "ds002345",
    "modality": "bold",
    "run_id": 4,
    "subject_id": "182",
    "task_id": "schema"
  },
  "dummy_trs": 3,
  "dvars_nstd": 53.126174442300005,
  "dvars_std": 1.1632157742800011,
  "dvars_vstd": 1.0087581359199993,
  "efc": 0.5586248867776685,
  "fber": 228.25628662109375,
  "fd_mean": 0.24915243028095949,
  "fd_num": 143,
  "fd_perc": 28.542914171656687,
  "fwhm_avg": 2.93019,
  "fwhm_x": 2.83738,
  "fwhm_y": 3.01352,
  "fwhm_z": 2.93967,
  "gcor": 0.0212584,
  "gsr_x": -0.007610636297613382,
  "gsr_y": 0.05939527228474617,
  "provenance": {
    "md5sum": "d7eba9aa0384b7c2c055074a8c0231cd",
    "settings": {
      "fd_thres": 0.2,
      "testing": false
    },
    "software": "mriqc",
    "version": "22.0.0rc1",
    "webapi_port": null,
    "webapi_url": "https://mriqc.nimh.nih.gov/api/v1"
  },
  "size_t": 501,
  "size_x": 96,
  "size_y": 96,
  "size_z": 60,
  "snr": 1.6569739402473285,
  "spacing_tr": 1.5,
  "spacing_x": 2.0,
  "spacing_y": 2.0,
  "spacing_z": 2.0,
  "summary_bg_k": 54.98681946985981,
  "summary_bg_mad": 10.795474531746732,
  "summary_bg_mean": 50.49405288696289,
  "summary_bg_median": 33.910179138183594,
  "summary_bg_n": 316281.0,
  "summary_bg_p05": 24.502994537353516,
  "summary_bg_p95": 134.79640197753906,
  "summary_bg_stdv": 53.09867858886719,
  "summary_fg_k": 7.797612490498619,
  "summary_fg_mad": 233.56608948291853,
  "summary_fg_mean": 601.2623291015625,
  "summary_fg_median": 528.3822021484375,
  "summary_fg_n": 147348.0,
  "summary_fg_p05": 261.8003845214844,
  "summary_fg_p95": 1193.2351745605467,
  "summary_fg_stdv": 318.88275146484375,
  "tsnr": 29.778079925337806
}