{
  "aor": 0.0049929013539651845,
  "aqi": 0.006759524235976789,
  "bids_meta": {
    "CogAtlasID": "https://www.cognitiveatlas.org/task/id/trm_4c8991fadfe01",
    "DeviceSerialNumber": "66018",
    "DwellTime": 4.2e-06,
    "EchoTime": 0.039,
    "EffectiveEchoSpacing": 0.000929976,
    "FlipAngle": 50,
    "InstitutionAddress": "Washington Rd, Princeton, NJ 08540, USA",
    "InstitutionName": "Princeton University",
    "InstitutionalDepartmentName": "Princeton Neuroscience Institute",
    "MagneticFieldStrength": 3,
    "Manufacturer": "Siemens",
    "ManufacturersModelName": "Prisma",
    "NumberOfVolumesDiscardedByScanner": 3,
    "ParallelReductionType": "GRAPPA",
    "PartialFourier": 0.75,
    "PhaseEncodingDirection": "j-",
    "PixelBandwidth": 1240,
    "PulseSequenceDetails": "%CustomerSeq%_ep2d_bold_sms_mgh_v22",
    "PulseSequenceType": "Gradient Echo EPI",
    "ReceiveCoilActiveElements": "HC1-7;NC1,2",
    "ReceiveCoilName": "HeadNeck_64",
    "RepetitionTime": 1.5,
    "ScanOptions": "PFP_FS",
    "ScanningSequence": "EP",
    "SequenceName": "epfSM2d1_96",
    "SequenceVariant": "SK",
    "SliceTiming": [
      0.6925,
      0,
      0.79,
      0.1,
      0.8875,
      0.1975,
      0.9875,
      0.2975,
      1.085,
      0.395,
      1.185,
      0.495,
      1.2825,
      0.5925,
      1.3825,
      0.6925,
      0,
      0.79,
      0.1,
      0.8875,
      0.1975,
      0.9875,
      0.2975,
      1.085,
      0.395,
      1.185,
      0.495,
      1.2825,
      0.5925,
      1.3825,
      0.6925,
      0,
      0.79,
      0.1,
      0.8875,
      0.1975,
      0.9875,
      0.2975,
      1.085,
      0.395,
      1.185,
      0.495,
      1.2825,
      0.5925,
      1.3825,
      0.6925,
      0,
      0.79,
      0.1,
      0.8875,
      0.1975,
      0.9875,
      0.2975,
      1.085,
      0.395,
      1.185,
      0.495,
      1.2825,
      0.5925,
      1.3825
    ],
    "SoftwareVersions": "syngo_MR_D13D",
    "StationName": "AWP66018",
    "TaskDescription": "Passively listened to audio story 'schema'",
    "TaskName": "schema",
    "TotalReadoutTime": 0.0883478,
    "dataset": "ds002345",
    "modality": "bold",
    "run_id": 1,
    "subject_id": "182",
    "task_id": "schema"
  },
  "dummy_trs": 3,
  "dvars_nstd": 44.438340919069795,
  "dvars_std": 1.1557453986434116,
  "dvars_vstd": 1.00708515498062,
  "efc": 0.550527852692086,
  "fber": 332.1329345703125,
  "fd_mean": 0.16684817267368685,
  "fd_num": 61,
  "fd_perc": 11.798839458413926,
  "fwhm_avg": 2.943141666666667,
  "fwhm_x": 2.834475,
  "fwhm_y": 3.01106,
  "fwhm_z": 2.98389,
  "gcor": 0.0122611,
  "gsr_x": -0.007815747521817684,
  "gsr_y": 0.0616447739303112,
  "provenance": {
    "md5sum": "8d02f2ff73f75522984adfe84a5835e8",
    "settings": {
      "fd_thres": 0.2,
      "testing": false
    },
    "software": "mriqc",
    "version": "22.0.0rc1",
    "webapi_port": null,
    "webapi_url": "https://mriqc.nimh.nih.gov/api/v1"
  },
  "size_t": 517,
  "size_x": 96,
  "size_y": 96,
  "size_z": 60,
  "snr": 1.655138773328091,
  "spacing_tr": 1.5,
  "spacing_x": 2.0,
  "spacing_y": 2.0,
  "spacing_z": 2.0,
  "summary_bg_k": 59.95511794257567,
  "summary_bg_mad": 8.075452246818145,
  "summary_bg_mean": 46.83332061767578,
  "summary_bg_median": 28.284334182739258,
  "summary_bg_n": 316002.0,
  "summary_bg_p05": 21.644102096557617,
  "summary_bg_p95": 132.86054000854497,
  "summary_bg_stdv": 54.49075698852539,
  "summary_fg_k": 7.441542498026083,
  "summary_fg_mad": 238.54265684481243,
  "summary_fg_mean": 610.3040771484375,
  "summary_fg_median": 535.4313354492188,
  "summary_fg_n": 146938.0,
  "summary_fg_p05": 266.5794174194336,
  "summary_fg_p95": 1213.3958068847655,
  "summary_fg_stdv": 323.4952392578125,
  "tsnr": 33.92341214977205
}