{
  "aor": 0.0016877777777777778,
  "aqi": 0.007191766430976431,
  "bids_meta": {
    "CogAtlasID": "https://www.cognitiveatlas.org/task/id/trm_4c8991fadfe01",
    "DeviceSerialNumber": "45031",
    "DwellTime": 5.4e-06,
    "EchoTime": 0.028,
    "EffectiveEchoSpacing": 0.000390001,
    "FlipAngle": 64,
    "InstitutionAddress": "Washington Rd, Princeton, NJ 08540, USA",
    "InstitutionName": "Princeton University",
    "InstitutionalDepartmentName": "Princeton Neuroscience Institute",
    "MagneticFieldStrength": 3,
    "Manufacturer": "Siemens",
    "ManufacturersModelName": "Skyra",
    "NumberOfVolumesDiscardedByScanner": 3,
    "ParallelReductionFactorInPlane": 2,
    "ParallelReductionType": "GRAPPA",
    "PartialFourier": 1,
    "PhaseEncodingDirection": "j-",
    "PixelBandwidth": 1445,
    "PulseSequenceDetails": "%SiemensSeq%_ep2d_bold",
    "PulseSequenceType": "Gradient Echo EPI",
    "ReceiveCoilActiveElements": "HE1-4",
    "ReceiveCoilName": "HeadNeck_20",
    "RepetitionTime": 1.5,
    "ScanOptions": "FS",
    "ScanningSequence": "EP",
    "SequenceName": "_epfid2d1_64",
    "SequenceVariant": "SK",
    "SliceTiming": [
      0,
      0.7775,
      0.055,
      0.8325,
      0.11,
      0.89,
      0.1675,
      0.945,
      0.2225,
      1,
      0.2775,
      1.055,
      0.3325,
      1.11,
      0.39,
      1.1675,
      0.445,
      1.2225,
      0.5,
      1.2775,
      0.555,
      1.3325,
      0.61,
      1.3875,
      0.6675,
      1.445,
      0.7225
    ],
    "SoftwareVersions": "syngo_MR_D11",
    "StationName": "AWP45031",
    "TaskDescription": "Passively listened to audio story 'pieman'",
    "TaskName": "pieman",
    "TotalReadoutTime": 0.0245701,
    "dataset": "ds002345",
    "modality": "bold",
    "subject_id": "076",
    "task_id": "pieman"
  },
  "dummy_trs": 3,
  "dvars_nstd": 18.9570886666892,
  "dvars_std": 1.1353617849999997,
  "dvars_vstd": 1.0055497599324328,
  "efc": 0.6242961733753709,
  "fber": 1139.4791259765625,
  "fd_mean": 0.13263293245131888,
  "fd_num": 63,
  "fd_perc": 21.21212121212121,
  "fwhm_avg": 1.7872433333333333,
  "fwhm_x": 1.74188,
  "fwhm_y": 1.96793,
  "fwhm_z": 1.65192,
  "gcor": 0.0550591,
  "gsr_x": -0.00863721501082182,
  "gsr_y": 0.04249700903892517,
  "provenance": {
    "md5sum": "8227fbd00318d8bf4d6b4763cb5f8d81",
    "settings": {
      "fd_thres": 0.2,
      "testing": false
    },
    "software": "mriqc",
    "version": "21.0.0rc2",
    "webapi_port": null,
    "webapi_url": "https://mriqc.nimh.nih.gov/api/v1"
  },
  "size_t": 297,
  "size_x": 64,
  "size_y": 64,
  "size_z": 27,
  "snr": 6.660606503090348,
  "spacing_tr": 1.5,
  "spacing_x": 3.0,
  "spacing_y": 3.0,
  "spacing_z": 4.0,
  "summary_bg_k": 18.717276257371037,
  "summary_bg_mad": 17.3943676526743,
  "summary_bg_mean": 54.362998962402344,
  "summary_bg_median": 20.580806732177734,
  "summary_bg_n": 52284.0,
  "summary_bg_p05": 7.033669948577881,
  "summary_bg_p95": 209.28938674926755,
  "summary_bg_stdv": 85.56625366210938,
  "summary_fg_k": 1.9055016891724081,
  "summary_fg_mad": 107.54105504847468,
  "summary_fg_mean": 767.5450439453125,
  "summary_fg_median": 762.5404052734375,
  "summary_fg_n": 29888.0,
  "summary_fg_p05": 601.4557037353516,
  "summary_fg_p95": 955.9154754638671,
  "summary_fg_stdv": 114.48321533203125,
  "tsnr": 66.04017227631994
}