{
  "bids_meta": {
    "DeviceSerialNumber": "45031",
    "DwellTime": 8.2e-06,
    "EchoTime": 0.00308,
    "FlipAngle": 9,
    "InstitutionAddress": "Washington Rd, Princeton, NJ 08540, USA",
    "InstitutionName": "Princeton University",
    "InstitutionalDepartmentName": "Princeton Neuroscience Institute",
    "InversionTime": 0.9,
    "MagneticFieldStrength": 3,
    "Manufacturer": "Siemens",
    "ManufacturersModelName": "Skyra",
    "ParallelReductionFactorInPlane": 2,
    "ParallelReductionType": "GRAPPA",
    "PartialFourier": 1,
    "PixelBandwidth": 240,
    "PulseSequenceDetails": "%SiemensSeq%_tfl",
    "PulseSequenceType": "MPRAGE",
    "ReceiveCoilActiveElements": "HE1-4",
    "ReceiveCoilName": "HeadNeck_20",
    "RepetitionTime": 2.3,
    "ScanOptions": "IR",
    "ScanningSequence": "GR_IR",
    "SequenceName": "_tfl3d1_16ns",
    "SequenceVariant": "SK_SP_MP",
    "SoftwareVersions": "syngo_MR_D11",
    "StationName": "AWP45031",
    "dataset": "ds002345",
    "modality": "T1w",
    "subject_id": "082"
  },
  "cjv": 0.5070868757679484,
  "cnr": 2.586146298405251,
  "efc": 0.6915647774326349,
  "fber": 894.691395609678,
  "fwhm_avg": 3.222572266587884,
  "fwhm_x": 3.259710981581834,
  "fwhm_y": 3.3314094545454545,
  "fwhm_z": 3.0765963636363636,
  "icvs_csf": 0.16738153454950674,
  "icvs_gm": 0.44447735082715073,
  "icvs_wm": 0.38814111462334255,
  "inu_med": 1.256537914276123,
  "inu_range": 0.5221150159835815,
  "provenance": {
    "md5sum": "a22cd1796604670abdff8b086cd77a6c",
    "settings": {
      "testing": false
    },
    "software": "mriqc",
    "version": "21.0.0rc2",
    "warnings": {
      "large_rot_frame": true,
      "small_air_mask": false
    },
    "webapi_port": null,
    "webapi_url": "https://mriqc.nimh.nih.gov/api/v1"
  },
  "qi_1": 0.0,
  "qi_2": 0.0036659181558214727,
  "rpve_csf": 17.007755338915082,
  "rpve_gm": 7.318749501704756,
  "rpve_wm": 9.829451670474079,
  "size_x": 192,
  "size_y": 251,
  "size_z": 232,
  "snr_csf": 2.411796660296799,
  "snr_gm": 8.95904569649191,
  "snr_total": 9.25161697138308,
  "snr_wm": 16.38400855736053,
  "snrd_csf": 19.03007548744468,
  "snrd_gm": 40.17365229353815,
  "snrd_total": 37.986503846281664,
  "snrd_wm": 54.755783757862154,
  "spacing_x": 0.9000000357627869,
  "spacing_y": 0.859375,
  "spacing_z": 0.859375,
  "summary_bg_k": 2.5643526177091687,
  "summary_bg_mad": 11.964697718302094,
  "summary_bg_mean": 20.718717049581286,
  "summary_bg_median": 18.830153942108154,
  "summary_bg_n": 1890686.0,
  "summary_bg_p05": 2.7525806427001953,
  "summary_bg_p95": 45.6052565574646,
  "summary_bg_stdv": 13.134657164673042,
  "summary_csf_k": 9.478230412711117,
  "summary_csf_mad": 141.07213356230608,
  "summary_csf_mean": 372.5382345768961,
  "summary_csf_median": 347.5445854663849,
  "summary_csf_n": 13892.0,
  "summary_csf_p05": 190.86644411087036,
  "summary_csf_p95": 607.716631054878,
  "summary_csf_stdv": 144.09675664589238,
  "summary_gm_k": 0.41505323037104347,
  "summary_gm_mad": 76.88941401916618,
  "summary_gm_mean": 736.4855649059226,
  "summary_gm_median": 733.687858581543,
  "summary_gm_n": 34213.0,
  "summary_gm_p05": 607.6321768760681,
  "summary_gm_p95": 880.1376605033875,
  "summary_gm_stdv": 81.89233105882533,
  "summary_wm_k": 0.48707152659700315,
  "summary_wm_mad": 58.153995886631115,
  "summary_wm_mean": 1000.8395991525184,
  "summary_wm_median": 1000.0000357627869,
  "summary_wm_n": 389955.0,
  "summary_wm_p05": 902.2834229469299,
  "summary_wm_p95": 1101.5952849388123,
  "summary_wm_stdv": 61.0350482949083,
  "tpm_overlap_csf": 0.18236732482910156,
  "tpm_overlap_gm": 0.4484557807445526,
  "tpm_overlap_wm": 0.5001975893974304,
  "wm2max": 0.4433817090468756
}