{
  "bids_meta": {
    "DeviceSerialNumber": "66018",
    "DwellTime": 9.8e-06,
    "EchoTime": 0.00267,
    "FlipAngle": 7,
    "InstitutionAddress": "Washington Rd, Building 25, Princeton, NJ 08540, USA",
    "InstitutionName": "Princeton University",
    "InstitutionalDepartmentName": "Princeton Neuroscience Institute",
    "InversionTime": 1.2,
    "MagneticFieldStrength": 3,
    "Manufacturer": "Siemens",
    "ManufacturersModelName": "Prisma",
    "ParallelReductionFactorInPlane": 2,
    "ParellelReductionType": "TODO",
    "PartialFourier": 1,
    "PixelBandwidth": 200,
    "PulseSequenceDetails": "%SiemensSeq%_tfl",
    "PulseSequenceType": "MPRAGE",
    "ReceiveCoilActiveElements": "HC1-7;NC1",
    "ReceiveCoilName": "HeadNeck_64",
    "RepetitionTime": 2.53,
    "ScanOptions": "IR",
    "ScanningSequence": "GR_IR",
    "SequenceName": "_tfl3d1_16",
    "SequenceVariant": "SK_SP_MP",
    "SoftwareVersions": "syngo_MR_D13D",
    "StationName": "AWP66018",
    "dataset": "ds002345",
    "modality": "T1w",
    "subject_id": "236"
  },
  "cjv": 0.3640336506228822,
  "cnr": 3.391414737168055,
  "efc": 0.5815647492503724,
  "fber": 313.0368393824171,
  "fwhm_avg": 3.7363433333333327,
  "fwhm_x": 3.61658,
  "fwhm_y": 3.75144,
  "fwhm_z": 3.84101,
  "icvs_csf": 0.1911942879739551,
  "icvs_gm": 0.42152347740108304,
  "icvs_wm": 0.38728223462496186,
  "inu_med": 1.1161824464797974,
  "inu_range": 0.4938590645790101,
  "provenance": {
    "md5sum": "fbff04b2f057f24f6a3fd8b62a720746",
    "settings": {
      "testing": false
    },
    "software": "mriqc",
    "version": "22.0.0rc1",
    "warnings": {
      "large_rot_frame": true,
      "small_air_mask": false
    },
    "webapi_port": null,
    "webapi_url": "https://mriqc.nimh.nih.gov/api/v1"
  },
  "qi_1": 0.0,
  "qi_2": 0.002667489441377337,
  "rpve_csf": 30.36565468568141,
  "rpve_gm": 14.663357506569561,
  "rpve_wm": 19.29216952668301,
  "size_x": 176,
  "size_y": 256,
  "size_z": 256,
  "snr_csf": 2.532830828480775,
  "snr_gm": 10.818511350479131,
  "snr_total": 10.91870390704517,
  "snr_wm": 19.404769542175607,
  "snrd_csf": 11.30725123198869,
  "snrd_gm": 22.214419413973403,
  "snrd_total": 21.620977107393234,
  "snrd_wm": 31.341260676217615,
  "spacing_x": 1.0,
  "spacing_y": 1.0,
  "spacing_z": 1.0,
  "summary_bg_k": 1.4667267799151782,
  "summary_bg_mad": 20.903319897056313,
  "summary_bg_mean": 38.81305553565905,
  "summary_bg_median": 36.74469357356429,
  "summary_bg_n": 2943032.0,
  "summary_bg_p05": 9.036472789943218,
  "summary_bg_p95": 75.23135780543089,
  "summary_bg_stdv": 20.61871693504225,
  "summary_csf_k": 7.598090520517319,
  "summary_csf_mad": 167.46868257294153,
  "summary_csf_mean": 351.3862456236691,
  "summary_csf_median": 360.7784543093294,
  "summary_csf_n": 5994.0,
  "summary_csf_p05": 144.1616811202839,
  "summary_csf_p95": 568.7588635940103,
  "summary_csf_stdv": 142.42891946488015,
  "summary_gm_k": 0.3659004291817678,
  "summary_gm_mad": 60.97474201631678,
  "summary_gm_mean": 707.8130882433444,
  "summary_gm_median": 708.7915298882872,
  "summary_gm_n": 19172.0,
  "summary_gm_p05": 596.7392672929913,
  "summary_gm_p95": 815.1524477234111,
  "summary_gm_stdv": 65.51484040784379,
  "summary_wm_k": 1.686786862454439,
  "summary_wm_mad": 45.03495174732596,
  "summary_wm_mean": 1003.5690864479411,
  "summary_wm_median": 1000.0000310316682,
  "summary_wm_n": 170955.0,
  "summary_wm_p05": 926.9461365491152,
  "summary_wm_p95": 1093.2662288088345,
  "summary_wm_stdv": 51.53357292430412,
  "tpm_overlap_csf": 0.1584865152835846,
  "tpm_overlap_gm": 0.4384150803089142,
  "tpm_overlap_wm": 0.4876548945903778,
  "wm2max": 0.39888392841386927
}