{
  "aor": 0.001058133333333333,
  "aqi": 0.005580880233333333,
  "bids_meta": {
    "CogAtlasID": "https://www.cognitiveatlas.org/task/id/trm_4c8991fadfe01",
    "DeviceSerialNumber": "45031",
    "DwellTime": 5.4e-06,
    "EchoTime": 0.028,
    "EffectiveEchoSpacing": 0.000390001,
    "FlipAngle": 64,
    "InstitutionAddress": "Washington Rd, Princeton, NJ 08540, USA",
    "InstitutionName": "Princeton University",
    "InstitutionalDepartmentName": "Princeton Neuroscience Institute",
    "MagneticFieldStrength": 3,
    "Manufacturer": "Siemens",
    "ManufacturersModelName": "Skyra",
    "NumberOfVolumesDiscardedByScanner": 3,
    "ParallelReductionFactorInPlane": 2,
    "ParallelReductionType": "GRAPPA",
    "PartialFourier": 1,
    "PhaseEncodingDirection": "j-",
    "PixelBandwidth": 1445,
    "PulseSequenceDetails": "%SiemensSeq%_ep2d_bold",
    "PulseSequenceType": "Gradient Echo EPI",
    "ReceiveCoilActiveElements": "HE1-4",
    "ReceiveCoilName": "HeadNeck_20",
    "RepetitionTime": 1.5,
    "ScanOptions": "FS",
    "ScanningSequence": "EP",
    "SequenceName": "_epfid2d1_64",
    "SequenceVariant": "SK",
    "SliceTiming": [
      0,
      0.7775,
      0.055,
      0.8325,
      0.11,
      0.89,
      0.1675,
      0.945,
      0.2225,
      1,
      0.2775,
      1.055,
      0.3325,
      1.11,
      0.39,
      1.1675,
      0.445,
      1.2225,
      0.5,
      1.2775,
      0.555,
      1.3325,
      0.61,
      1.3875,
      0.6675,
      1.445,
      0.7225
    ],
    "SoftwareVersions": "syngo_MR_D11",
    "StationName": "AWP45031",
    "TaskDescription": "Passively listened to audio story 'pieman'",
    "TaskName": "pieman",
    "TotalReadoutTime": 0.0245701,
    "dataset": "ds002345",
    "modality": "bold",
    "subject_id": "082",
    "task_id": "pieman"
  },
  "dummy_trs": 0,
  "dvars_nstd": 21.104308558829427,
  "dvars_std": 1.1888633490969893,
  "dvars_vstd": 1.0137229509030095,
  "efc": 0.6395993886389278,
  "fber": 1196.50146484375,
  "fd_mean": 0.1133917774845153,
  "fd_num": 17,
  "fd_perc": 5.666666666666667,
  "fwhm_avg": 1.7406405877946172,
  "fwhm_x": 1.6758233333333334,
  "fwhm_y": 1.9234533333333335,
  "fwhm_z": 1.6226450967171844,
  "gcor": 0.0355427,
  "gsr_x": -0.004979528021067381,
  "gsr_y": 0.05398394539952278,
  "provenance": {
    "md5sum": "1960f0ad30951ccbfb3df0a9ddc79f18",
    "settings": {
      "fd_thres": 0.2,
      "testing": false
    },
    "software": "mriqc",
    "version": "21.0.0rc2",
    "webapi_port": null,
    "webapi_url": "https://mriqc.nimh.nih.gov/api/v1"
  },
  "size_t": 300,
  "size_x": 64,
  "size_y": 64,
  "size_z": 27,
  "snr": 6.740882969409145,
  "spacing_tr": 1.5,
  "spacing_x": 3.0,
  "spacing_y": 3.0,
  "spacing_z": 3.999999761581421,
  "summary_bg_k": 28.59671014711923,
  "summary_bg_mad": 14.79637087592413,
  "summary_bg_mean": 48.42013168334961,
  "summary_bg_median": 18.956666946411133,
  "summary_bg_n": 48917.0,
  "summary_bg_p05": 7.579333686828614,
  "summary_bg_p95": 173.29866943359366,
  "summary_bg_stdv": 81.28939819335938,
  "summary_fg_k": 2.609494687845986,
  "summary_fg_mad": 95.65254709786255,
  "summary_fg_mean": 713.4306640625,
  "summary_fg_median": 705.001708984375,
  "summary_fg_n": 32670.0,
  "summary_fg_p05": 571.8220001220703,
  "summary_fg_p95": 885.5880340576172,
  "summary_fg_stdv": 104.58435821533203,
  "tsnr": 75.98722386360168
}