{
  "aor": 0.0015627360308285165,
  "aqi": 0.006869785722543352,
  "bids_meta": {
    "CogAtlasID": "https://www.cognitiveatlas.org/task/id/trm_4c8991fadfe01",
    "DeviceSerialNumber": "66018",
    "DwellTime": 4.2e-06,
    "EchoTime": 0.039,
    "EffectiveEchoSpacing": 0.000929976,
    "FlipAngle": 50,
    "InstitutionAddress": "Washington Rd, Princeton, NJ 08540, USA",
    "InstitutionName": "Princeton University",
    "InstitutionalDepartmentName": "Princeton Neuroscience Institute",
    "MagneticFieldStrength": 3,
    "Manufacturer": "Siemens",
    "ManufacturersModelName": "Prisma",
    "NumberOfVolumesDiscardedByScanner": 3,
    "ParallelReductionType": "GRAPPA",
    "PartialFourier": 0.75,
    "PhaseEncodingDirection": "j-",
    "PixelBandwidth": 1240,
    "PulseSequenceDetails": "%CustomerSeq%_ep2d_bold_sms_mgh_v22",
    "PulseSequenceType": "Gradient Echo EPI",
    "ReceiveCoilActiveElements": "HC1-7;NC1,2",
    "ReceiveCoilName": "HeadNeck_64",
    "RepetitionTime": 1.5,
    "ScanOptions": "PFP_FS",
    "ScanningSequence": "EP",
    "SequenceName": "epfSM2d1_96",
    "SequenceVariant": "SK",
    "SliceTiming": [
      0.6925,
      0,
      0.79,
      0.1,
      0.8875,
      0.1975,
      0.9875,
      0.2975,
      1.085,
      0.395,
      1.185,
      0.495,
      1.2825,
      0.5925,
      1.3825,
      0.6925,
      0,
      0.79,
      0.1,
      0.8875,
      0.1975,
      0.9875,
      0.2975,
      1.085,
      0.395,
      1.185,
      0.495,
      1.2825,
      0.5925,
      1.3825,
      0.6925,
      0,
      0.79,
      0.1,
      0.8875,
      0.1975,
      0.9875,
      0.2975,
      1.085,
      0.395,
      1.185,
      0.495,
      1.2825,
      0.5925,
      1.3825,
      0.6925,
      0,
      0.79,
      0.1,
      0.8875,
      0.1975,
      0.9875,
      0.2975,
      1.085,
      0.395,
      1.185,
      0.495,
      1.2825,
      0.5925,
      1.3825
    ],
    "SoftwareVersions": "syngo_MR_D13D",
    "StationName": "AWP66018",
    "TaskDescription": "Passively listened to audio story 'schema'",
    "TaskName": "schema",
    "TotalReadoutTime": 0.0883478,
    "dataset": "ds002345",
    "modality": "bold",
    "run_id": 4,
    "subject_id": "197",
    "task_id": "schema"
  },
  "dummy_trs": 0,
  "dvars_nstd": 39.5150710774517,
  "dvars_std": 1.109180368223937,
  "dvars_vstd": 1.0005873258880307,
  "efc": 0.5870375782654682,
  "fber": 293.7184753417969,
  "fd_mean": 0.18534297599187538,
  "fd_num": 171,
  "fd_perc": 32.947976878612714,
  "fwhm_avg": 2.813515,
  "fwhm_x": 2.638125,
  "fwhm_y": 3.00488,
  "fwhm_z": 2.79754,
  "gcor": 0.0269157,
  "gsr_x": 0.010371668264269829,
  "gsr_y": 0.055241916328668594,
  "provenance": {
    "md5sum": "7e6ae2098524e6465a177f1e068bc479",
    "settings": {
      "fd_thres": 0.2,
      "testing": false
    },
    "software": "mriqc",
    "version": "22.0.6",
    "webapi_port": null,
    "webapi_url": "https://mriqc.nimh.nih.gov/api/v1"
  },
  "size_t": 519,
  "size_x": 96,
  "size_y": 96,
  "size_z": 60,
  "snr": 2.1631952137604746,
  "spacing_tr": 1.5,
  "spacing_x": 2.0,
  "spacing_y": 2.0,
  "spacing_z": 2.0,
  "summary_bg_k": 26.194424544784486,
  "summary_bg_mad": 8.969886510628204,
  "summary_bg_mean": 49.36586380004883,
  "summary_bg_median": 27.689788818359375,
  "summary_bg_n": 316674.0,
  "summary_bg_p05": 20.24855613708496,
  "summary_bg_p95": 151.24161911010725,
  "summary_bg_stdv": 58.040672302246094,
  "summary_fg_k": 4.488873107100781,
  "summary_fg_mad": 188.960408195167,
  "summary_fg_mean": 533.3511352539062,
  "summary_fg_median": 491.62139892578125,
  "summary_fg_n": 148822.0,
  "summary_fg_p05": 257.5645446777344,
  "summary_fg_p95": 954.1826599121092,
  "summary_fg_stdv": 227.2655487060547,
  "tsnr": 36.912699739448726
}