{
  "aor": 0.0017305476673427995,
  "aqi": 0.00717282985801217,
  "bids_meta": {
    "CogAtlasID": "https://www.cognitiveatlas.org/task/id/trm_4c8991fadfe01",
    "DeviceSerialNumber": "66018",
    "DwellTime": 4.2e-06,
    "EchoTime": 0.039,
    "EffectiveEchoSpacing": 0.000929976,
    "FlipAngle": 50,
    "InstitutionAddress": "Washington Rd, Princeton, NJ 08540, USA",
    "InstitutionName": "Princeton University",
    "InstitutionalDepartmentName": "Princeton Neuroscience Institute",
    "MagneticFieldStrength": 3,
    "Manufacturer": "Siemens",
    "ManufacturersModelName": "Prisma",
    "NumberOfVolumesDiscardedByScanner": 3,
    "ParallelReductionType": "GRAPPA",
    "PartialFourier": 0.75,
    "PhaseEncodingDirection": "j-",
    "PixelBandwidth": 1240,
    "PulseSequenceDetails": "%CustomerSeq%_ep2d_bold_sms_mgh_v22",
    "PulseSequenceType": "Gradient Echo EPI",
    "ReceiveCoilActiveElements": "HC1-7;NC1,2",
    "ReceiveCoilName": "HeadNeck_64",
    "RepetitionTime": 1.5,
    "ScanOptions": "PFP_FS",
    "ScanningSequence": "EP",
    "SequenceName": "epfSM2d1_96",
    "SequenceVariant": "SK",
    "SliceTiming": [
      0.6925,
      0,
      0.79,
      0.1,
      0.8875,
      0.1975,
      0.9875,
      0.2975,
      1.085,
      0.395,
      1.185,
      0.495,
      1.2825,
      0.5925,
      1.3825,
      0.6925,
      0,
      0.79,
      0.1,
      0.8875,
      0.1975,
      0.9875,
      0.2975,
      1.085,
      0.395,
      1.185,
      0.495,
      1.2825,
      0.5925,
      1.3825,
      0.6925,
      0,
      0.79,
      0.1,
      0.8875,
      0.1975,
      0.9875,
      0.2975,
      1.085,
      0.395,
      1.185,
      0.495,
      1.2825,
      0.5925,
      1.3825,
      0.6925,
      0,
      0.79,
      0.1,
      0.8875,
      0.1975,
      0.9875,
      0.2975,
      1.085,
      0.395,
      1.185,
      0.495,
      1.2825,
      0.5925,
      1.3825
    ],
    "SoftwareVersions": "syngo_MR_D13D",
    "StationName": "AWP66018",
    "TaskDescription": "Passively listened to audio story 'schema'",
    "TaskName": "schema",
    "TotalReadoutTime": 0.0883478,
    "dataset": "ds002345",
    "modality": "bold",
    "run_id": 1,
    "subject_id": "197",
    "task_id": "schema"
  },
  "dummy_trs": 1,
  "dvars_nstd": 38.55707441487809,
  "dvars_std": 1.1048365769918698,
  "dvars_vstd": 0.9982413665243901,
  "efc": 0.5831277816833685,
  "fber": 301.6198425292969,
  "fd_mean": 0.17794112692630118,
  "fd_num": 145,
  "fd_perc": 29.41176470588235,
  "fwhm_avg": 2.801463333333333,
  "fwhm_x": 2.644135,
  "fwhm_y": 3.01874,
  "fwhm_z": 2.741515,
  "gcor": 0.0183812,
  "gsr_x": 0.004483556840568781,
  "gsr_y": 0.052939996123313904,
  "provenance": {
    "md5sum": "174d26838ec09b7bef9a5b5bd28bca92",
    "settings": {
      "fd_thres": 0.2,
      "testing": false
    },
    "software": "mriqc",
    "version": "22.0.6",
    "webapi_port": null,
    "webapi_url": "https://mriqc.nimh.nih.gov/api/v1"
  },
  "size_t": 493,
  "size_x": 96,
  "size_y": 96,
  "size_z": 60,
  "snr": 2.119834038224115,
  "spacing_tr": 1.5,
  "spacing_x": 2.0,
  "spacing_y": 2.0,
  "spacing_z": 2.0,
  "summary_bg_k": 28.168442804733058,
  "summary_bg_mad": 9.361748687952455,
  "summary_bg_mean": 48.67506408691406,
  "summary_bg_median": 27.793102264404297,
  "summary_bg_n": 316126.0,
  "summary_bg_p05": 19.904664993286133,
  "summary_bg_p95": 147.37676620483398,
  "summary_bg_stdv": 57.0327262878418,
  "summary_fg_k": 4.915451017701725,
  "summary_fg_mad": 192.43451059521047,
  "summary_fg_mean": 543.790283203125,
  "summary_fg_median": 499.11358642578125,
  "summary_fg_n": 148831.0,
  "summary_fg_p05": 262.7991943359375,
  "summary_fg_p95": 982.1875915527344,
  "summary_fg_stdv": 235.44857788085938,
  "tsnr": 36.49579389044084
}