{
  "aor": 0.0012078,
  "aqi": 0.007615058766666666,
  "bids_meta": {
    "CogAtlasID": "https://www.cognitiveatlas.org/task/id/trm_4c8991fadfe01",
    "DeviceSerialNumber": "45031",
    "DwellTime": 5.4e-06,
    "EchoTime": 0.028,
    "EffectiveEchoSpacing": 0.000390001,
    "FlipAngle": 64,
    "InstitutionAddress": "Washington Rd, Princeton, NJ 08540, USA",
    "InstitutionName": "Princeton University",
    "InstitutionalDepartmentName": "Princeton Neuroscience Institute",
    "MagneticFieldStrength": 3,
    "Manufacturer": "Siemens",
    "ManufacturersModelName": "Skyra",
    "NumberOfVolumesDiscardedByScanner": 3,
    "ParallelReductionFactorInPlane": 2,
    "ParallelReductionType": "GRAPPA",
    "PartialFourier": 1,
    "PhaseEncodingDirection": "j-",
    "PixelBandwidth": 1445,
    "PulseSequenceDetails": "%SiemensSeq%_ep2d_bold",
    "PulseSequenceType": "Gradient Echo EPI",
    "ReceiveCoilActiveElements": "HE1-4",
    "ReceiveCoilName": "HeadNeck_20",
    "RepetitionTime": 1.5,
    "ScanOptions": "FS",
    "ScanningSequence": "EP",
    "SequenceName": "_epfid2d1_64",
    "SequenceVariant": "SK",
    "SliceTiming": [
      0,
      0.7775,
      0.055,
      0.8325,
      0.11,
      0.89,
      0.1675,
      0.945,
      0.2225,
      1,
      0.2775,
      1.055,
      0.3325,
      1.11,
      0.39,
      1.1675,
      0.445,
      1.2225,
      0.5,
      1.2775,
      0.555,
      1.3325,
      0.61,
      1.3875,
      0.6675,
      1.445,
      0.7225
    ],
    "SoftwareVersions": "syngo_MR_D11",
    "StationName": "AWP45031",
    "TaskDescription": "Passively listened to audio story 'pieman'",
    "TaskName": "pieman",
    "TotalReadoutTime": 0.0245701,
    "dataset": "ds002345",
    "modality": "bold",
    "subject_id": "057",
    "task_id": "pieman"
  },
  "dummy_trs": 0,
  "dvars_nstd": 23.54938875812709,
  "dvars_std": 1.307889425986622,
  "dvars_vstd": 1.0131774701003349,
  "efc": 0.5379635781966272,
  "fber": 2022.5513916015625,
  "fd_mean": 0.12640303680695628,
  "fd_num": 22,
  "fd_perc": 7.333333333333333,
  "fwhm_avg": 1.6833491972763854,
  "fwhm_x": 1.66062,
  "fwhm_y": 1.84879,
  "fwhm_z": 1.5406375918291564,
  "gcor": 0.0440071,
  "gsr_x": -0.002017043298110366,
  "gsr_y": 0.030987555161118507,
  "provenance": {
    "md5sum": "8ef7108b10594f5d188d4559ef7494fd",
    "settings": {
      "fd_thres": 0.2,
      "testing": false
    },
    "software": "mriqc",
    "version": "21.0.0rc2",
    "webapi_port": null,
    "webapi_url": "https://mriqc.nimh.nih.gov/api/v1"
  },
  "size_t": 300,
  "size_x": 64,
  "size_y": 64,
  "size_z": 27,
  "snr": 7.098577910472755,
  "spacing_tr": 1.5,
  "spacing_x": 3.0,
  "spacing_y": 3.0,
  "spacing_z": 3.999999761581421,
  "summary_bg_k": 24.52509017207515,
  "summary_bg_mad": 8.969743704742823,
  "summary_bg_mean": 34.95051956176758,
  "summary_bg_median": 14.676667213439941,
  "summary_bg_n": 62076.0,
  "summary_bg_p05": 7.100000381469727,
  "summary_bg_p95": 133.68667221069336,
  "summary_bg_stdv": 62.313079833984375,
  "summary_fg_k": 2.1803727579096144,
  "summary_fg_mad": 90.82920338138393,
  "summary_fg_mean": 682.9758911132812,
  "summary_fg_median": 677.2566528320312,
  "summary_fg_n": 21423.0,
  "summary_fg_p05": 545.9339965820312,
  "summary_fg_p95": 840.9563415527341,
  "summary_fg_stdv": 95.40514373779297,
  "tsnr": 65.33926733955741
}