{
  "aor": 0.00027073409461663946,
  "aqi": 0.00467036106035889,
  "bids_meta": {
    "CogAtlasID": "https://www.cognitiveatlas.org/task/id/trm_4c8991fadfe01",
    "DeviceSerialNumber": "45031",
    "DwellTime": 4.9e-06,
    "EchoTime": 0.028,
    "EffectiveEchoSpacing": 0.000355001,
    "FlipAngle": 64,
    "InstitutionAddress": "Washington Rd, Princeton, NJ 08540, USA",
    "InstitutionName": "Princeton University",
    "InstitutionalDepartmentName": "Princeton Neuroscience Institute",
    "MagneticFieldStrength": 3,
    "Manufacturer": "Siemens",
    "ManufacturersModelName": "Skyra",
    "NumberOfVolumesDiscardedByScanner": 3,
    "ParallelReductionFactorInPlane": 2,
    "ParallelReductionType": "GRAPPA",
    "PartialFourier": 1,
    "PhaseEncodingDirection": "j-",
    "PixelBandwidth": 1595,
    "PulseSequenceDetails": "%SiemensSeq%_ep2d_bold",
    "PulseSequenceType": "Gradient Echo EPI",
    "ReceiveCoilActiveElements": "HE1-4",
    "ReceiveCoilName": "HeadNeck_20",
    "RepetitionTime": 1.5,
    "ScanOptions": "FS",
    "ScanningSequence": "EP",
    "SequenceName": "_epfid2d1_64",
    "SequenceVariant": "SK",
    "SliceTiming": [
      0,
      0.7675,
      0.055,
      0.8225,
      0.1075,
      0.875,
      0.1625,
      0.93,
      0.2175,
      0.985,
      0.2725,
      1.04,
      0.3275,
      1.095,
      0.3825,
      1.15,
      0.4375,
      1.205,
      0.4925,
      1.26,
      0.5475,
      1.315,
      0.6025,
      1.37,
      0.6575,
      1.425,
      0.7125
    ],
    "SoftwareVersions": "syngo_MR_D13",
    "StationName": "AWP45031",
    "TaskDescription": "Passively listened to audio story 'merlin'",
    "TaskName": "merlin",
    "TotalReadoutTime": 0.022365,
    "dataset": "ds002345",
    "modality": "bold",
    "subject_id": "153",
    "task_id": "merlin"
  },
  "dummy_trs": 0,
  "dvars_nstd": 17.52276324924838,
  "dvars_std": 1.0787623769607848,
  "dvars_vstd": 0.9978636827941172,
  "efc": 0.5947421245445386,
  "fber": 1906.4219970703125,
  "fd_mean": 0.12856351922335782,
  "fd_num": 36,
  "fd_perc": 5.872756933115824,
  "fwhm_avg": 1.7375106371534483,
  "fwhm_x": 1.7450633333333334,
  "fwhm_y": 1.918463485799113,
  "fwhm_z": 1.5490050923278982,
  "gcor": 0.0167992,
  "gsr_x": -0.010725405067205429,
  "gsr_y": 0.054234761744737625,
  "provenance": {
    "md5sum": "0e917f957fc02e27d2e5a1aa9f07d15a",
    "settings": {
      "fd_thres": 0.2,
      "testing": false
    },
    "software": "mriqc",
    "version": "22.0.0rc1",
    "webapi_port": null,
    "webapi_url": "https://mriqc.nimh.nih.gov/api/v1"
  },
  "size_t": 613,
  "size_x": 64,
  "size_y": 64,
  "size_z": 27,
  "snr": 6.677730427419342,
  "spacing_tr": 1.5,
  "spacing_x": 3.0,
  "spacing_y": 2.999999761581421,
  "spacing_z": 3.999999761581421,
  "summary_bg_k": 20.642468296634156,
  "summary_bg_mad": 9.517193601149293,
  "summary_bg_mean": 36.81160354614258,
  "summary_bg_median": 14.76672077178955,
  "summary_bg_n": 54096.0,
  "summary_bg_p05": 7.212071895599365,
  "summary_bg_p95": 142.26141738891602,
  "summary_bg_stdv": 58.539852142333984,
  "summary_fg_k": 1.8140998868653302,
  "summary_fg_mad": 100.43960398025786,
  "summary_fg_mean": 690.5451049804688,
  "summary_fg_median": 680.7960815429688,
  "summary_fg_n": 27939.0,
  "summary_fg_p05": 554.3373413085938,
  "summary_fg_p95": 858.129052734375,
  "summary_fg_stdv": 101.94839477539062,
  "tsnr": 82.65195362898521
}