{
  "aor": 0.0049437710437710445,
  "aqi": 0.012064876734006734,
  "bids_meta": {
    "CogAtlasID": "https://www.cognitiveatlas.org/task/id/trm_4c8991fadfe01",
    "DeviceSerialNumber": "45031",
    "DwellTime": 5.4e-06,
    "EchoTime": 0.028,
    "EffectiveEchoSpacing": 0.000390001,
    "FlipAngle": 64,
    "InstitutionAddress": "Washington Rd, Princeton, NJ 08540, USA",
    "InstitutionName": "Princeton University",
    "InstitutionalDepartmentName": "Princeton Neuroscience Institute",
    "MagneticFieldStrength": 3,
    "Manufacturer": "Siemens",
    "ManufacturersModelName": "Skyra",
    "NumberOfVolumesDiscardedByScanner": 3,
    "ParallelReductionFactorInPlane": 2,
    "ParallelReductionType": "GRAPPA",
    "PartialFourier": 1,
    "PhaseEncodingDirection": "j-",
    "PixelBandwidth": 1445,
    "PulseSequenceDetails": "%SiemensSeq%_ep2d_bold",
    "PulseSequenceType": "Gradient Echo EPI",
    "ReceiveCoilActiveElements": "HE1-4",
    "ReceiveCoilName": "HeadNeck_20",
    "RepetitionTime": 1.52,
    "ScanOptions": "FS",
    "ScanningSequence": "EP",
    "SequenceName": "_epfid2d1_64",
    "SequenceVariant": "SK",
    "SliceTiming": [
      0,
      0.7775,
      0.0575,
      0.835,
      0.1125,
      0.89,
      0.1675,
      0.945,
      0.2225,
      1,
      0.2775,
      1.055,
      0.335,
      1.1125,
      0.39,
      1.1675,
      0.445,
      1.2225,
      0.5,
      1.2775,
      0.5575,
      1.335,
      0.6125,
      1.39,
      0.6675,
      1.445,
      0.7225
    ],
    "SoftwareVersions": "syngo_MR_E11",
    "StationName": "AWP45031",
    "TaskDescription": "Passively listened to audio story 'milkyway'",
    "TaskName": "milkyway",
    "TotalReadoutTime": 0.0245701,
    "dataset": "ds002345",
    "modality": "bold",
    "subject_id": "128",
    "task_id": "milkyway"
  },
  "dummy_trs": 0,
  "dvars_nstd": 24.056244489223,
  "dvars_std": 1.2793128850337847,
  "dvars_vstd": 1.0069887250675675,
  "efc": 0.6439470373610057,
  "fber": 993.9111328125,
  "fd_mean": 0.10215207660843237,
  "fd_num": 21,
  "fd_perc": 7.070707070707071,
  "fwhm_avg": 1.8040611430454936,
  "fwhm_x": 1.8079066666666668,
  "fwhm_y": 1.9969666666666666,
  "fwhm_z": 1.6073100958031474,
  "gcor": 0.0286477,
  "gsr_x": 0.020959125831723213,
  "gsr_y": 0.02917293645441532,
  "provenance": {
    "md5sum": "c7a8f0a7cfa4a90d375a98f78ae974cd",
    "settings": {
      "fd_thres": 0.2,
      "testing": false
    },
    "software": "mriqc",
    "version": "22.0.0rc1",
    "webapi_port": null,
    "webapi_url": "https://mriqc.nimh.nih.gov/api/v1"
  },
  "size_t": 297,
  "size_x": 64,
  "size_y": 64,
  "size_z": 27,
  "snr": 6.959912397627993,
  "spacing_tr": 1.5199999809265137,
  "spacing_x": 3.0,
  "spacing_y": 3.0,
  "spacing_z": 3.999999761581421,
  "summary_bg_k": 15.80703643801138,
  "summary_bg_mad": 23.232426364284358,
  "summary_bg_mean": 69.31417846679688,
  "summary_bg_median": 25.845117568969727,
  "summary_bg_n": 49459.0,
  "summary_bg_p05": 7.942760944366455,
  "summary_bg_p95": 289.6319671630859,
  "summary_bg_stdv": 108.40523529052734,
  "summary_fg_k": 3.368694699267545,
  "summary_fg_mad": 101.62566765689073,
  "summary_fg_mean": 857.0048828125,
  "summary_fg_median": 846.144775390625,
  "summary_fg_n": 32311.0,
  "summary_fg_p05": 694.9595642089844,
  "summary_fg_p95": 1056.6295776367188,
  "summary_fg_stdv": 121.57217407226562,
  "tsnr": 61.50047888979316
}