{
  "bids_meta": {
    "DeviceSerialNumber": "66018",
    "DwellTime": 9.8e-06,
    "EchoTime": 0.00267,
    "FlipAngle": 7,
    "InstitutionAddress": "Washington Rd, Building 25, Princeton, NJ 08540, USA",
    "InstitutionName": "Princeton University",
    "InstitutionalDepartmentName": "Princeton Neuroscience Institute",
    "InversionTime": 1.2,
    "MagneticFieldStrength": 3,
    "Manufacturer": "Siemens",
    "ManufacturersModelName": "Prisma",
    "ParallelReductionFactorInPlane": 2,
    "ParellelReductionType": "TODO",
    "PartialFourier": 1,
    "PixelBandwidth": 200,
    "PulseSequenceDetails": "%SiemensSeq%_tfl",
    "PulseSequenceType": "MPRAGE",
    "ReceiveCoilActiveElements": "HC1-7;NC1",
    "ReceiveCoilName": "HeadNeck_64",
    "RepetitionTime": 2.53,
    "ScanOptions": "IR",
    "ScanningSequence": "GR_IR",
    "SequenceName": "_tfl3d1_16",
    "SequenceVariant": "SK_SP_MP",
    "SoftwareVersions": "syngo_MR_D13D",
    "StationName": "AWP66018",
    "dataset": "ds002345",
    "modality": "T1w",
    "run_id": 1,
    "subject_id": "181"
  },
  "cjv": 0.4572684672921552,
  "cnr": 2.619389362102017,
  "efc": 0.5916592615617112,
  "fber": 331.37912288530976,
  "fwhm_avg": 3.6662433333333335,
  "fwhm_x": 3.5786,
  "fwhm_y": 3.65812,
  "fwhm_z": 3.76201,
  "icvs_csf": 0.19855345241625008,
  "icvs_gm": 0.3982175231811613,
  "icvs_wm": 0.40322902440258857,
  "inu_med": 1.3098877668380737,
  "inu_range": 0.6515783071517944,
  "provenance": {
    "md5sum": "f4b8f6753d68521619a8a162fe75729c",
    "settings": {
      "testing": false
    },
    "software": "mriqc",
    "version": "22.0.0rc1",
    "warnings": {
      "large_rot_frame": true,
      "small_air_mask": false
    },
    "webapi_port": null,
    "webapi_url": "https://mriqc.nimh.nih.gov/api/v1"
  },
  "qi_1": 7.97552799281688e-06,
  "qi_2": 0.001877322777449417,
  "rpve_csf": 27.344186202069285,
  "rpve_gm": 13.94925015674135,
  "rpve_wm": 17.316809758457026,
  "size_x": 176,
  "size_y": 256,
  "size_z": 256,
  "snr_csf": 3.827439613815159,
  "snr_gm": 9.849123828145881,
  "snr_total": 10.89665770506825,
  "snr_wm": 19.01340967324371,
  "snrd_csf": 12.66730612052388,
  "snrd_gm": 20.460199961570886,
  "snrd_total": 20.146771484007896,
  "snrd_wm": 27.312808369928927,
  "spacing_x": 1.0,
  "spacing_y": 1.0,
  "spacing_z": 1.0,
  "summary_bg_k": 14.387852138156788,
  "summary_bg_mad": 23.987918786304384,
  "summary_bg_mean": 41.91483173306185,
  "summary_bg_median": 38.881222158670425,
  "summary_bg_n": 3644837.0,
  "summary_bg_p05": 9.344035647809505,
  "summary_bg_p95": 83.84547423571348,
  "summary_bg_stdv": 24.979373095860833,
  "summary_csf_k": 0.2093323241220828,
  "summary_csf_mad": 102.73895449173001,
  "summary_csf_mean": 440.68409537197965,
  "summary_csf_median": 463.81535336375237,
  "summary_csf_n": 4109.0,
  "summary_csf_p05": 189.22612861543894,
  "summary_csf_p95": 602.709112778306,
  "summary_csf_stdv": 121.16687858325868,
  "summary_gm_k": 0.33231810067923373,
  "summary_gm_mad": 69.8252984826147,
  "summary_gm_mean": 749.1708637202729,
  "summary_gm_median": 749.1533546894789,
  "summary_gm_n": 12235.0,
  "summary_gm_p05": 621.604132514447,
  "summary_gm_p95": 877.7122344076633,
  "summary_gm_stdv": 76.05983557107888,
  "summary_wm_k": 2.1390662125248863,
  "summary_wm_mad": 44.90761540226751,
  "summary_wm_mean": 1005.0025742030384,
  "summary_wm_median": 1000.0626609101892,
  "summary_wm_n": 201680.0,
  "summary_wm_p05": 929.4493445381522,
  "summary_wm_p95": 1097.5165629014373,
  "summary_wm_stdv": 52.59762445365888,
  "tpm_overlap_csf": 0.12991949915885925,
  "tpm_overlap_gm": 0.4120704233646393,
  "tpm_overlap_wm": 0.4897956848144531,
  "wm2max": 0.39856539451650796
}