{
  "aor": 0.000786675,
  "aqi": 0.008637562000000001,
  "bids_meta": {
    "CogAtlasID": "https://www.cognitiveatlas.org/task/id/trm_4c8991fadfe01",
    "DeviceSerialNumber": "45031",
    "DwellTime": 5.4e-06,
    "EchoTime": 0.028,
    "EffectiveEchoSpacing": 0.000390001,
    "FlipAngle": 64,
    "InstitutionAddress": "Washington Rd, Princeton, NJ 08540, USA",
    "InstitutionName": "Princeton University",
    "InstitutionalDepartmentName": "Princeton Neuroscience Institute",
    "MagneticFieldStrength": 3,
    "Manufacturer": "Siemens",
    "ManufacturersModelName": "Skyra",
    "NumberOfVolumesDiscardedByScanner": 3,
    "ParallelReductionFactorInPlane": 2,
    "ParallelReductionType": "GRAPPA",
    "PartialFourier": 1,
    "PhaseEncodingDirection": "j-",
    "PixelBandwidth": 1445,
    "PulseSequenceDetails": "%SiemensSeq%_ep2d_bold",
    "PulseSequenceType": "Gradient Echo EPI",
    "ReceiveCoilActiveElements": "HE1-4",
    "ReceiveCoilName": "HeadNeck_20",
    "RepetitionTime": 1.5,
    "ScanOptions": "FS",
    "ScanningSequence": "EP",
    "SequenceName": "_epfid2d1_64",
    "SequenceVariant": "SK",
    "SliceTiming": [
      0,
      0.7775,
      0.055,
      0.8325,
      0.11,
      0.8875,
      0.165,
      0.9425,
      0.2225,
      1,
      0.2775,
      1.055,
      0.3325,
      1.11,
      0.3875,
      1.165,
      0.445,
      1.2225,
      0.5,
      1.2775,
      0.555,
      1.3325,
      0.61,
      1.3875,
      0.665,
      1.4425,
      0.7225
    ],
    "SoftwareVersions": "syngo_MR_D11",
    "StationName": "AWP45031",
    "TaskDescription": "Passively listened to audio story 'notthefall'",
    "TaskName": "notthefall",
    "TotalReadoutTime": 0.0245701,
    "dataset": "ds002345",
    "modality": "bold",
    "subject_id": "133",
    "task_id": "notthefall"
  },
  "dummy_trs": 0,
  "dvars_nstd": 19.509660854711775,
  "dvars_std": 1.1261774280701755,
  "dvars_vstd": 0.9730864452130322,
  "efc": 0.5907636438370141,
  "fber": 2069.0068359375,
  "fd_mean": 0.09986161046393338,
  "fd_num": 20,
  "fd_perc": 5.0,
  "fwhm_avg": 1.8110509290007422,
  "fwhm_x": 1.76178,
  "fwhm_y": 2.06634,
  "fwhm_z": 1.6050327870022274,
  "gcor": 0.052786,
  "gsr_x": -0.011002110317349434,
  "gsr_y": 0.05051741749048233,
  "provenance": {
    "md5sum": "99434094129ed10593dc437a31a0e0bf",
    "settings": {
      "fd_thres": 0.2,
      "testing": false
    },
    "software": "mriqc",
    "version": "22.0.0rc1",
    "webapi_port": null,
    "webapi_url": "https://mriqc.nimh.nih.gov/api/v1"
  },
  "size_t": 400,
  "size_x": 64,
  "size_y": 64,
  "size_z": 27,
  "snr": 6.886732587052389,
  "spacing_tr": 1.5,
  "spacing_x": 3.0,
  "spacing_y": 3.0,
  "spacing_z": 3.9999992847442627,
  "summary_bg_k": 18.880017667597873,
  "summary_bg_mad": 12.142510133516573,
  "summary_bg_mean": 43.393096923828125,
  "summary_bg_median": 16.15250015258789,
  "summary_bg_n": 54501.0,
  "summary_bg_p05": 6.239999771118164,
  "summary_bg_p95": 173.70748901367188,
  "summary_bg_stdv": 74.2470474243164,
  "summary_fg_k": 2.337927448003928,
  "summary_fg_mad": 102.57568593026605,
  "summary_fg_mean": 776.0452880859375,
  "summary_fg_median": 766.0186767578125,
  "summary_fg_n": 27342.0,
  "summary_fg_p05": 622.6833709716797,
  "summary_fg_p95": 957.9328765869136,
  "summary_fg_stdv": 111.22904205322266,
  "tsnr": 65.88844188605435
}