{
  "aor": 0.00206560593569662,
  "aqi": 0.012173807774113766,
  "bids_meta": {
    "CogAtlasID": "https://www.cognitiveatlas.org/task/id/trm_4c8991fadfe01",
    "DeviceSerialNumber": "45031",
    "DwellTime": 5.4e-06,
    "EchoTime": 0.028,
    "EffectiveEchoSpacing": 0.000390001,
    "FlipAngle": 64,
    "InstitutionAddress": "Washington Rd, Princeton, NJ 08540, USA",
    "InstitutionName": "Princeton University",
    "InstitutionalDepartmentName": "Princeton Neuroscience Institute",
    "MagneticFieldStrength": 3,
    "Manufacturer": "Siemens",
    "ManufacturersModelName": "Skyra",
    "NumberOfVolumesDiscardedByScanner": 3,
    "ParallelReductionFactorInPlane": 2,
    "ParallelReductionType": "GRAPPA",
    "PartialFourier": 1,
    "PhaseEncodingDirection": "j-",
    "PixelBandwidth": 1445,
    "PulseSequenceDetails": "%SiemensSeq%_ep2d_bold",
    "PulseSequenceType": "Gradient Echo EPI",
    "ReceiveCoilActiveElements": "HE1-4",
    "ReceiveCoilName": "HeadNeck_20",
    "RepetitionTime": 1.5,
    "ScanOptions": "FS",
    "ScanningSequence": "EP",
    "SequenceName": "_epfid2d1_64",
    "SequenceVariant": "SK",
    "SliceTiming": [
      0,
      0.7775,
      0.055,
      0.8325,
      0.11,
      0.8875,
      0.1675,
      0.945,
      0.2225,
      1,
      0.2775,
      1.055,
      0.3325,
      1.11,
      0.3875,
      1.165,
      0.445,
      1.2225,
      0.5,
      1.2775,
      0.555,
      1.3325,
      0.61,
      1.3875,
      0.6675,
      1.445,
      0.7225
    ],
    "SoftwareVersions": "syngo_MR_D11",
    "StationName": "AWP45031",
    "TaskDescription": "Passively listened to audio story 'slumlordreach'",
    "TaskName": "slumlordreach",
    "TotalReadoutTime": 0.0245701,
    "dataset": "ds002345",
    "modality": "bold",
    "subject_id": "133",
    "task_id": "slumlordreach"
  },
  "dummy_trs": 0,
  "dvars_nstd": 19.944722908919147,
  "dvars_std": 1.1507284665181499,
  "dvars_vstd": 0.985375471105611,
  "efc": 0.5926391943493081,
  "fber": 1929.7791748046875,
  "fd_mean": 0.09509171361772745,
  "fd_num": 45,
  "fd_perc": 3.709810387469085,
  "fwhm_avg": 1.8123456528005508,
  "fwhm_x": 1.7510633333333334,
  "fwhm_y": 2.0544733333333336,
  "fwhm_z": 1.631500291734986,
  "gcor": 0.175804,
  "gsr_x": -0.01209527812898159,
  "gsr_y": 0.05239587277173996,
  "provenance": {
    "md5sum": "f33c16ace190bf905731d01d0b15b74b",
    "settings": {
      "fd_thres": 0.2,
      "testing": false
    },
    "software": "mriqc",
    "version": "22.0.0rc1",
    "webapi_port": null,
    "webapi_url": "https://mriqc.nimh.nih.gov/api/v1"
  },
  "size_t": 1213,
  "size_x": 64,
  "size_y": 64,
  "size_z": 27,
  "snr": 6.881238122387319,
  "spacing_tr": 1.5,
  "spacing_x": 3.0,
  "spacing_y": 3.0,
  "spacing_z": 3.9999992847442627,
  "summary_bg_k": 19.897185013066373,
  "summary_bg_mad": 12.4902834680889,
  "summary_bg_mean": 44.9337272644043,
  "summary_bg_median": 16.812036514282227,
  "summary_bg_n": 54477.0,
  "summary_bg_p05": 6.637263298034668,
  "summary_bg_p95": 178.68887939453123,
  "summary_bg_stdv": 77.31935119628906,
  "summary_fg_k": 2.22187179908651,
  "summary_fg_mad": 104.91274807603233,
  "summary_fg_mean": 784.2029418945312,
  "summary_fg_median": 774.2728881835938,
  "summary_fg_n": 27437.0,
  "summary_fg_p05": 628.2047973632813,
  "summary_fg_p95": 965.8392333984375,
  "summary_fg_stdv": 112.51736450195312,
  "tsnr": 50.965094790793955
}