{
  "aor": 0.0003803257328990228,
  "aqi": 0.00797184496742671,
  "bids_meta": {
    "CogAtlasID": "https://www.cognitiveatlas.org/task/id/trm_4c8991fadfe01",
    "DeviceSerialNumber": "45031",
    "DwellTime": 4.9e-06,
    "EchoTime": 0.028,
    "EffectiveEchoSpacing": 0.000355001,
    "FlipAngle": 64,
    "InstitutionAddress": "Washington Rd, Princeton, NJ 08540, USA",
    "InstitutionName": "Princeton University",
    "InstitutionalDepartmentName": "Princeton Neuroscience Institute",
    "MagneticFieldStrength": 3,
    "Manufacturer": "Siemens",
    "ManufacturersModelName": "Skyra",
    "NumberOfVolumesDiscardedByScanner": 3,
    "ParallelReductionFactorInPlane": 2,
    "ParallelReductionType": "GRAPPA",
    "PartialFourier": 1,
    "PhaseEncodingDirection": "j-",
    "PixelBandwidth": 1595,
    "PulseSequenceDetails": "%SiemensSeq%_ep2d_bold",
    "PulseSequenceType": "Gradient Echo EPI",
    "ReceiveCoilActiveElements": "HE1-4",
    "ReceiveCoilName": "HeadNeck_20",
    "RepetitionTime": 1.5,
    "ScanOptions": "FS",
    "ScanningSequence": "EP",
    "SequenceName": "_epfid2d1_64",
    "SequenceVariant": "SK",
    "SliceTiming": [
      0,
      0.7675,
      0.055,
      0.8225,
      0.1075,
      0.875,
      0.1625,
      0.93,
      0.2175,
      0.985,
      0.2725,
      1.04,
      0.3275,
      1.095,
      0.3825,
      1.15,
      0.4375,
      1.205,
      0.4925,
      1.26,
      0.5475,
      1.315,
      0.6025,
      1.37,
      0.6575,
      1.425,
      0.7125
    ],
    "SoftwareVersions": "syngo_MR_D13",
    "StationName": "AWP45031",
    "TaskDescription": "Passively listened to audio story 'merlin'",
    "TaskName": "merlin",
    "TotalReadoutTime": 0.022365,
    "dataset": "ds002345",
    "modality": "bold",
    "subject_id": "159",
    "task_id": "merlin"
  },
  "dummy_trs": 0,
  "dvars_nstd": 21.894967696867855,
  "dvars_std": 1.1190760911419242,
  "dvars_vstd": 0.9916192712398031,
  "efc": 0.6329691563830305,
  "fber": 1307.034423828125,
  "fd_mean": 0.11931756542288724,
  "fd_num": 38,
  "fd_perc": 6.188925081433225,
  "fwhm_avg": 1.7135555555555557,
  "fwhm_x": 1.5800933333333333,
  "fwhm_y": 2.0186333333333333,
  "fwhm_z": 1.54194,
  "gcor": 0.00823086,
  "gsr_x": -0.02122584730386734,
  "gsr_y": 0.07774630934000015,
  "provenance": {
    "md5sum": "8566694aabb87abdf151a5d046d26082",
    "settings": {
      "fd_thres": 0.2,
      "testing": false
    },
    "software": "mriqc",
    "version": "22.0.0rc1",
    "webapi_port": null,
    "webapi_url": "https://mriqc.nimh.nih.gov/api/v1"
  },
  "size_t": 614,
  "size_x": 64,
  "size_y": 64,
  "size_z": 27,
  "snr": 7.692455787936019,
  "spacing_tr": 1.5,
  "spacing_x": 3.0,
  "spacing_y": 3.0,
  "spacing_z": 4.0,
  "summary_bg_k": 9.810676949535646,
  "summary_bg_mad": 11.084503746319886,
  "summary_bg_mean": 47.79484176635742,
  "summary_bg_median": 16.404722213745117,
  "summary_bg_n": 51716.0,
  "summary_bg_p05": 7.789902210235596,
  "summary_bg_p95": 208.96212005615234,
  "summary_bg_stdv": 72.4068374633789,
  "summary_fg_k": 3.371388932950688,
  "summary_fg_mad": 74.35950525047002,
  "summary_fg_mean": 646.7257690429688,
  "summary_fg_median": 641.5064697265625,
  "summary_fg_n": 30323.0,
  "summary_fg_p05": 533.1533874511719,
  "summary_fg_p95": 782.3656005859375,
  "summary_fg_stdv": 83.39286041259766,
  "tsnr": 71.33136825973634
}