{
  "aor": 0.0014754761904761905,
  "aqi": 0.008972284149659865,
  "bids_meta": {
    "AcquisitionMatrixPE": 96,
    "BandwidthPerPixelPhaseEncode": 20.425,
    "BaseResolution": 96,
    "BodyPartExamined": "BRAIN",
    "ConsistencyInfo": "N4_VE11C_LATEST_20160120",
    "ConversionSoftware": "dcm2niix",
    "ConversionSoftwareVersion": "v1.0.20180328 GCC6.3.0",
    "DerivedVendorReportedEchoSpacing": 0.000509996,
    "DeviceSerialNumber": "66018",
    "DwellTime": 2.1e-06,
    "EchoTime": 0.031,
    "EchoTrainLength": 96,
    "EffectiveEchoSpacing": 0.000509996,
    "FlipAngle": 67,
    "ImageOrientationPatientDICOM": [
      0.99956,
      0,
      0.0296662,
      0,
      1,
      0
    ],
    "ImageType": [
      "ORIGINAL",
      "PRIMARY",
      "M",
      "ND",
      "NORM",
      "MOSAIC"
    ],
    "InPlanePhaseEncodingDirectionDICOM": "COL",
    "InstitutionAddress": "Washington Rd, Princeton, NJ 08540, USA",
    "InstitutionName": "Princeton University",
    "InstitutionalDepartmentName": "Princeton Neuroscience Institute",
    "MRAcquisitionType": "2D",
    "MagneticFieldStrength": 3,
    "Manufacturer": "Siemens",
    "ManufacturersModelName": "Prisma",
    "Modality": "MR",
    "MultibandAccelerationFactor": 3,
    "NumberOfVolumesDiscardedByScanner": 3,
    "PartialFourier": 1,
    "PatientPosition": "HFS",
    "PercentPhaseFOV": 100,
    "PhaseEncodingDirection": "j-",
    "PhaseEncodingSteps": 96,
    "PhaseResolution": 1,
    "PixelBandwidth": 2480,
    "ProcedureStepDescription": "Hasson_Nastase_042518_Storyteller",
    "ProtocolName": "func_task-pieman",
    "PulseSequenceDetails": "%SiemensSeq%_ep2d_bold",
    "ReceiveCoilActiveElements": "HC1-7;NC1",
    "ReceiveCoilName": "HeadNeck_64",
    "ReconMatrixPE": 96,
    "RepetitionTime": 1.5,
    "SAR": 0.0483807,
    "ScanOptions": "FS",
    "ScanningSequence": "EP",
    "SequenceName": "_epfid2d1_96",
    "SequenceVariant": "SK",
    "SeriesDescription": "func_task-pieman",
    "SeriesNumber": 8,
    "ShimSetting": [
      767,
      509,
      2049,
      570,
      -71,
      110,
      112,
      -42
    ],
    "SliceThickness": 2.5,
    "SliceTiming": [
      1.11,
      0,
      0.74,
      0.0925,
      0.8325,
      0.185,
      0.925,
      0.2775,
      1.0175,
      0.4625,
      1.2025,
      0.555,
      1.295,
      0.6475,
      1.3875,
      0.37,
      1.11,
      0,
      0.74,
      0.0925,
      0.8325,
      0.185,
      0.925,
      0.2775,
      1.0175,
      0.4625,
      1.2025,
      0.555,
      1.295,
      0.6475,
      1.3875,
      0.37,
      1.11,
      0,
      0.74,
      0.0925,
      0.8325,
      0.185,
      0.925,
      0.2775,
      1.0175,
      0.4625,
      1.2025,
      0.555,
      1.295,
      0.6475,
      1.3875,
      0.37
    ],
    "SoftwareVersions": "syngo_MR_E11",
    "SpacingBetweenSlices": 2.5,
    "StationName": "AWP66018",
    "TaskDescription": "Passively listened to audio story 'piemanpni'",
    "TaskName": "piemanpni",
    "TotalReadoutTime": 0.0484496,
    "TxRefAmp": 252.918,
    "dataset": "ds002345",
    "modality": "bold",
    "subject_id": "278",
    "task_id": "piemanpni"
  },
  "dummy_trs": 0,
  "dvars_nstd": 32.35656497419796,
  "dvars_std": 1.3941513219112647,
  "dvars_vstd": 1.0156752640955629,
  "efc": 0.5147692226913513,
  "fber": 3266.01904296875,
  "fd_mean": 0.09950923516616841,
  "fd_num": 17,
  "fd_perc": 5.782312925170068,
  "fwhm_avg": 1.9280040000000003,
  "fwhm_x": 1.814988,
  "fwhm_y": 2.053656,
  "fwhm_z": 1.9153680000000002,
  "gcor": 0.032568,
  "gsr_x": -0.0038175436202436686,
  "gsr_y": 0.03664442524313927,
  "provenance": {
    "md5sum": "5eefc89b7912b29cc2cab10ae71f49dd",
    "settings": {
      "fd_thres": 0.2,
      "testing": false
    },
    "software": "mriqc",
    "version": "22.0.0rc1",
    "webapi_port": null,
    "webapi_url": "https://mriqc.nimh.nih.gov/api/v1"
  },
  "size_t": 294,
  "size_x": 96,
  "size_y": 96,
  "size_z": 48,
  "snr": 5.426136617941085,
  "spacing_tr": 1.5,
  "spacing_x": 2.5,
  "spacing_y": 2.5,
  "spacing_z": 2.5,
  "summary_bg_k": 16.60460168644533,
  "summary_bg_mad": 9.7226424899841,
  "summary_bg_mean": 40.97938919067383,
  "summary_bg_median": 13.10204029083252,
  "summary_bg_n": 291462.0,
  "summary_bg_p05": 5.105442047119141,
  "summary_bg_p95": 188.83230819702172,
  "summary_bg_stdv": 73.10167694091797,
  "summary_fg_k": 1.537469651933531,
  "summary_fg_mad": 135.3530130653029,
  "summary_fg_mean": 763.57080078125,
  "summary_fg_median": 759.790771484375,
  "summary_fg_n": 86594.0,
  "summary_fg_p05": 565.4183349609375,
  "summary_fg_p95": 992.7346801757812,
  "summary_fg_stdv": 140.02345275878906,
  "tsnr": 55.90825194492936
}