{
  "aor": 0.003567153846153847,
  "aqi": 0.010820643307692309,
  "bids_meta": {
    "AcquisitionMatrixPE": 96,
    "BandwidthPerPixelPhaseEncode": 20.425,
    "BaseResolution": 96,
    "BodyPartExamined": "BRAIN",
    "ConsistencyInfo": "N4_VE11C_LATEST_20160120",
    "ConversionSoftware": "dcm2niix",
    "ConversionSoftwareVersion": "v1.0.20180328 GCC6.3.0",
    "DerivedVendorReportedEchoSpacing": 0.000509996,
    "DeviceSerialNumber": "66018",
    "DwellTime": 2.1e-06,
    "EchoTime": 0.031,
    "EchoTrainLength": 96,
    "EffectiveEchoSpacing": 0.000509996,
    "FlipAngle": 67,
    "ImageOrientationPatientDICOM": [
      0.99956,
      0,
      0.0296662,
      0,
      1,
      0
    ],
    "ImageType": [
      "ORIGINAL",
      "PRIMARY",
      "M",
      "ND",
      "NORM",
      "MOSAIC"
    ],
    "InPlanePhaseEncodingDirectionDICOM": "COL",
    "InstitutionAddress": "Washington Rd, Princeton, NJ 08540, USA",
    "InstitutionName": "Princeton University",
    "InstitutionalDepartmentName": "Princeton Neuroscience Institute",
    "MRAcquisitionType": "2D",
    "MagneticFieldStrength": 3,
    "Manufacturer": "Siemens",
    "ManufacturersModelName": "Prisma",
    "Modality": "MR",
    "MultibandAccelerationFactor": 3,
    "NumberOfVolumesDiscardedByScanner": 3,
    "PartialFourier": 1,
    "PatientPosition": "HFS",
    "PercentPhaseFOV": 100,
    "PhaseEncodingDirection": "j-",
    "PhaseEncodingSteps": 96,
    "PhaseResolution": 1,
    "PixelBandwidth": 2480,
    "ProcedureStepDescription": "Hasson_Nastase_042518_Storyteller",
    "ProtocolName": "func_task-bronx",
    "PulseSequenceDetails": "%SiemensSeq%_ep2d_bold",
    "ReceiveCoilActiveElements": "HC1-7;NC1",
    "ReceiveCoilName": "HeadNeck_64",
    "ReconMatrixPE": 96,
    "RepetitionTime": 1.5,
    "SAR": 0.0484097,
    "ScanOptions": "FS",
    "ScanningSequence": "EP",
    "SequenceName": "_epfid2d1_96",
    "SequenceVariant": "SK",
    "SeriesDescription": "func_task-bronx",
    "SeriesNumber": 7,
    "ShimSetting": [
      767,
      509,
      2049,
      570,
      -71,
      110,
      112,
      -42
    ],
    "SliceThickness": 2.5,
    "SliceTiming": [
      1.11,
      0,
      0.74,
      0.0925,
      0.8325,
      0.185,
      0.925,
      0.2775,
      1.0175,
      0.4625,
      1.2025,
      0.555,
      1.295,
      0.6475,
      1.3875,
      0.37,
      1.11,
      0,
      0.74,
      0.0925,
      0.8325,
      0.185,
      0.925,
      0.2775,
      1.0175,
      0.4625,
      1.2025,
      0.555,
      1.295,
      0.6475,
      1.3875,
      0.37,
      1.11,
      0,
      0.74,
      0.0925,
      0.8325,
      0.185,
      0.925,
      0.2775,
      1.0175,
      0.4625,
      1.2025,
      0.555,
      1.295,
      0.6475,
      1.3875,
      0.37
    ],
    "SoftwareVersions": "syngo_MR_E11",
    "SpacingBetweenSlices": 2.5,
    "StationName": "AWP66018",
    "TaskDescription": "Passively listened to audio story 'bronx'",
    "TaskName": "bronx",
    "TotalReadoutTime": 0.0484496,
    "TxRefAmp": 252.918,
    "dataset": "ds002345",
    "modality": "bold",
    "subject_id": "278",
    "task_id": "bronx"
  },
  "dummy_trs": 0,
  "dvars_nstd": 30.33772241071978,
  "dvars_std": 1.3429359477377898,
  "dvars_vstd": 1.0190512452185085,
  "efc": 0.5121970058142366,
  "fber": 3481.638671875,
  "fd_mean": 0.07798438633953735,
  "fd_num": 2,
  "fd_perc": 0.5128205128205128,
  "fwhm_avg": 1.9509040000000002,
  "fwhm_x": 1.8311240000000002,
  "fwhm_y": 2.07952,
  "fwhm_z": 1.9420680000000001,
  "gcor": 0.00779362,
  "gsr_x": -0.003142082830891013,
  "gsr_y": 0.03698454797267914,
  "provenance": {
    "md5sum": "619685d768e05702d6c2ad06f17e2fa9",
    "settings": {
      "fd_thres": 0.2,
      "testing": false
    },
    "software": "mriqc",
    "version": "22.0.0rc1",
    "webapi_port": null,
    "webapi_url": "https://mriqc.nimh.nih.gov/api/v1"
  },
  "size_t": 390,
  "size_x": 96,
  "size_y": 96,
  "size_z": 48,
  "snr": 5.446161862250765,
  "spacing_tr": 1.5,
  "spacing_x": 2.5,
  "spacing_y": 2.5,
  "spacing_z": 2.5,
  "summary_bg_k": 17.002092918998112,
  "summary_bg_mad": 9.458242341920336,
  "summary_bg_mean": 40.16211700439453,
  "summary_bg_median": 12.751282691955566,
  "summary_bg_n": 291918.0,
  "summary_bg_p05": 5.005128383636475,
  "summary_bg_p95": 183.2212890624998,
  "summary_bg_stdv": 72.22251892089844,
  "summary_fg_k": 1.5903780822355387,
  "summary_fg_mad": 134.11849153417722,
  "summary_fg_mean": 766.0780029296875,
  "summary_fg_median": 761.7166748046875,
  "summary_fg_n": 86096.0,
  "summary_fg_p05": 568.69873046875,
  "summary_fg_p95": 994.6519470214844,
  "summary_fg_stdv": 139.86221313476562,
  "tsnr": 51.46677161171101
}