{
  "aor": 0.0007488215488215487,
  "aqi": 0.005651719360269361,
  "bids_meta": {
    "CogAtlasID": "https://www.cognitiveatlas.org/task/id/trm_4c8991fadfe01",
    "DeviceSerialNumber": "45031",
    "DwellTime": 5.4e-06,
    "EchoTime": 0.028,
    "EffectiveEchoSpacing": 0.000390001,
    "FlipAngle": 64,
    "InstitutionAddress": "Washington Rd, Princeton, NJ 08540, USA",
    "InstitutionName": "Princeton University",
    "InstitutionalDepartmentName": "Princeton Neuroscience Institute",
    "MagneticFieldStrength": 3,
    "Manufacturer": "Siemens",
    "ManufacturersModelName": "Skyra",
    "NumberOfVolumesDiscardedByScanner": 3,
    "ParallelReductionFactorInPlane": 2,
    "ParallelReductionType": "GRAPPA",
    "PartialFourier": 1,
    "PhaseEncodingDirection": "j-",
    "PixelBandwidth": 1445,
    "PulseSequenceDetails": "%SiemensSeq%_ep2d_bold",
    "PulseSequenceType": "Gradient Echo EPI",
    "ReceiveCoilActiveElements": "HE1-4",
    "ReceiveCoilName": "HeadNeck_20",
    "RepetitionTime": 1.52,
    "ScanOptions": "FS",
    "ScanningSequence": "EP",
    "SequenceName": "_epfid2d1_64",
    "SequenceVariant": "SK",
    "SliceTiming": [
      0,
      0.7775,
      0.0575,
      0.835,
      0.1125,
      0.89,
      0.1675,
      0.945,
      0.2225,
      1,
      0.2775,
      1.055,
      0.335,
      1.1125,
      0.39,
      1.1675,
      0.445,
      1.2225,
      0.5,
      1.2775,
      0.5575,
      1.335,
      0.6125,
      1.39,
      0.6675,
      1.445,
      0.7225
    ],
    "SoftwareVersions": "syngo_MR_E11",
    "StationName": "AWP45031",
    "TaskDescription": "Passively listened to audio story 'milkyway'",
    "TaskName": "milkyway",
    "TotalReadoutTime": 0.0245701,
    "dataset": "ds002345",
    "modality": "bold",
    "subject_id": "131",
    "task_id": "milkyway"
  },
  "dummy_trs": 0,
  "dvars_nstd": 21.41656704212836,
  "dvars_std": 1.1919436686148641,
  "dvars_vstd": 1.0058389570608113,
  "efc": 0.6312607428965034,
  "fber": 1197.89208984375,
  "fd_mean": 0.08393791193267951,
  "fd_num": 1,
  "fd_perc": 0.3367003367003367,
  "fwhm_avg": 1.6914822222222223,
  "fwhm_x": 1.6584533333333333,
  "fwhm_y": 1.8955333333333335,
  "fwhm_z": 1.52046,
  "gcor": 0.0154952,
  "gsr_x": -0.01067735068500042,
  "gsr_y": 0.05265435948967934,
  "provenance": {
    "md5sum": "953289b0e13e69b3e43095b244864b2d",
    "settings": {
      "fd_thres": 0.2,
      "testing": false
    },
    "software": "mriqc",
    "version": "22.0.0rc1",
    "webapi_port": null,
    "webapi_url": "https://mriqc.nimh.nih.gov/api/v1"
  },
  "size_t": 297,
  "size_x": 64,
  "size_y": 64,
  "size_z": 27,
  "snr": 6.763303208540122,
  "spacing_tr": 1.5199999809265137,
  "spacing_x": 3.0,
  "spacing_y": 3.0,
  "spacing_z": 4.0,
  "summary_bg_k": 25.684452515182986,
  "summary_bg_mad": 14.691240293730024,
  "summary_bg_mean": 43.226619720458984,
  "summary_bg_median": 18.45791244506836,
  "summary_bg_n": 49601.0,
  "summary_bg_p05": 6.734006404876709,
  "summary_bg_p95": 162.2659912109375,
  "summary_bg_stdv": 66.97010803222656,
  "summary_fg_k": 3.3039588430659608,
  "summary_fg_mad": 90.743237066224,
  "summary_fg_mean": 686.3115844726562,
  "summary_fg_median": 679.6060180664062,
  "summary_fg_n": 31719.0,
  "summary_fg_p05": 551.9838195800781,
  "summary_fg_p95": 846.6501281738281,
  "summary_fg_stdv": 100.48274993896484,
  "tsnr": 78.37303462112322
}