{
  "aor": 0.004646414342629482,
  "aqi": 0.014798045378486058,
  "bids_meta": {
    "CogAtlasID": "https://www.cognitiveatlas.org/task/id/trm_4c8991fadfe01",
    "DeviceSerialNumber": "66018",
    "DwellTime": 4.2e-06,
    "EchoTime": 0.039,
    "EffectiveEchoSpacing": 0.000929976,
    "FlipAngle": 50,
    "InstitutionAddress": "Washington Rd, Princeton, NJ 08540, USA",
    "InstitutionName": "Princeton University",
    "InstitutionalDepartmentName": "Princeton Neuroscience Institute",
    "MagneticFieldStrength": 3,
    "Manufacturer": "Siemens",
    "ManufacturersModelName": "Prisma",
    "NumberOfVolumesDiscardedByScanner": 3,
    "ParallelReductionType": "GRAPPA",
    "PartialFourier": 0.75,
    "PhaseEncodingDirection": "j-",
    "PixelBandwidth": 1240,
    "PulseSequenceDetails": "%CustomerSeq%_ep2d_bold_sms_mgh_v22",
    "PulseSequenceType": "Gradient Echo EPI",
    "ReceiveCoilActiveElements": "HC1-7;NC1,2",
    "ReceiveCoilName": "HeadNeck_64",
    "RepetitionTime": 1.5,
    "ScanOptions": "PFP_FS",
    "ScanningSequence": "EP",
    "SequenceName": "epfSM2d1_96",
    "SequenceVariant": "SK",
    "SliceTiming": [
      0.6925,
      0,
      0.79,
      0.1,
      0.8875,
      0.1975,
      0.9875,
      0.2975,
      1.085,
      0.395,
      1.185,
      0.495,
      1.2825,
      0.5925,
      1.3825,
      0.6925,
      0,
      0.79,
      0.1,
      0.8875,
      0.1975,
      0.9875,
      0.2975,
      1.085,
      0.395,
      1.185,
      0.495,
      1.2825,
      0.5925,
      1.3825,
      0.6925,
      0,
      0.79,
      0.1,
      0.8875,
      0.1975,
      0.9875,
      0.2975,
      1.085,
      0.395,
      1.185,
      0.495,
      1.2825,
      0.5925,
      1.3825,
      0.6925,
      0,
      0.79,
      0.1,
      0.8875,
      0.1975,
      0.9875,
      0.2975,
      1.085,
      0.395,
      1.185,
      0.495,
      1.2825,
      0.5925,
      1.3825
    ],
    "SoftwareVersions": "syngo_MR_D13D",
    "StationName": "AWP66018",
    "TaskDescription": "Passively listened to audio story 'schema'",
    "TaskName": "schema",
    "TotalReadoutTime": 0.0883478,
    "dataset": "ds002345",
    "modality": "bold",
    "run_id": 3,
    "subject_id": "186",
    "task_id": "schema"
  },
  "dummy_trs": 1,
  "dvars_nstd": 43.865887350778465,
  "dvars_std": 1.0080850856287429,
  "dvars_vstd": 0.9638529985229537,
  "efc": 0.6220241348068851,
  "fber": 193.72610473632812,
  "fd_mean": 0.23399776920381188,
  "fd_num": 111,
  "fd_perc": 22.111553784860558,
  "fwhm_avg": 3.1356249999999997,
  "fwhm_x": 2.82377,
  "fwhm_y": 3.40152,
  "fwhm_z": 3.181585,
  "gcor": 0.0154966,
  "gsr_x": -0.02227046899497509,
  "gsr_y": 0.08226126432418823,
  "provenance": {
    "md5sum": "5e5defec8c7012f9b36f7d67ae573b0c",
    "settings": {
      "fd_thres": 0.2,
      "testing": false
    },
    "software": "mriqc",
    "version": "22.0.6",
    "webapi_port": null,
    "webapi_url": "https://mriqc.nimh.nih.gov/api/v1"
  },
  "size_t": 502,
  "size_x": 96,
  "size_y": 96,
  "size_z": 60,
  "snr": 1.7859436186899065,
  "spacing_tr": 1.5,
  "spacing_x": 2.0,
  "spacing_y": 2.0,
  "spacing_z": 2.0,
  "summary_bg_k": 28.893474308436698,
  "summary_bg_mad": 12.504657375324358,
  "summary_bg_mean": 61.13904571533203,
  "summary_bg_median": 35.3067741394043,
  "summary_bg_n": 272165.0,
  "summary_bg_p05": 25.245019912719727,
  "summary_bg_p95": 183.89283142089835,
  "summary_bg_stdv": 65.97732543945312,
  "summary_fg_k": 4.9556324815231925,
  "summary_fg_mad": 232.13945586012494,
  "summary_fg_mean": 577.6113891601562,
  "summary_fg_median": 515.5657348632812,
  "summary_fg_n": 184501.0,
  "summary_fg_p05": 250.4681396484375,
  "summary_fg_p95": 1111.713134765625,
  "summary_fg_stdv": 288.678955078125,
  "tsnr": 25.43030605977401
}