{
  "aor": 0.003024787018255578,
  "aqi": 0.006178135659229209,
  "bids_meta": {
    "CogAtlasID": "https://www.cognitiveatlas.org/task/id/trm_4c8991fadfe01",
    "DeviceSerialNumber": "66018",
    "DwellTime": 4.2e-06,
    "EchoTime": 0.039,
    "EffectiveEchoSpacing": 0.000929976,
    "FlipAngle": 50,
    "InstitutionAddress": "Washington Rd, Princeton, NJ 08540, USA",
    "InstitutionName": "Princeton University",
    "InstitutionalDepartmentName": "Princeton Neuroscience Institute",
    "MagneticFieldStrength": 3,
    "Manufacturer": "Siemens",
    "ManufacturersModelName": "Prisma",
    "NumberOfVolumesDiscardedByScanner": 3,
    "ParallelReductionType": "GRAPPA",
    "PartialFourier": 0.75,
    "PhaseEncodingDirection": "j-",
    "PixelBandwidth": 1240,
    "PulseSequenceDetails": "%CustomerSeq%_ep2d_bold_sms_mgh_v22",
    "PulseSequenceType": "Gradient Echo EPI",
    "ReceiveCoilActiveElements": "HC1-7;NC1,2",
    "ReceiveCoilName": "HeadNeck_64",
    "RepetitionTime": 1.5,
    "ScanOptions": "PFP_FS",
    "ScanningSequence": "EP",
    "SequenceName": "epfSM2d1_96",
    "SequenceVariant": "SK",
    "SliceTiming": [
      0.6925,
      0,
      0.79,
      0.1,
      0.8875,
      0.1975,
      0.9875,
      0.2975,
      1.085,
      0.395,
      1.185,
      0.495,
      1.2825,
      0.5925,
      1.3825,
      0.6925,
      0,
      0.79,
      0.1,
      0.8875,
      0.1975,
      0.9875,
      0.2975,
      1.085,
      0.395,
      1.185,
      0.495,
      1.2825,
      0.5925,
      1.3825,
      0.6925,
      0,
      0.79,
      0.1,
      0.8875,
      0.1975,
      0.9875,
      0.2975,
      1.085,
      0.395,
      1.185,
      0.495,
      1.2825,
      0.5925,
      1.3825,
      0.6925,
      0,
      0.79,
      0.1,
      0.8875,
      0.1975,
      0.9875,
      0.2975,
      1.085,
      0.395,
      1.185,
      0.495,
      1.2825,
      0.5925,
      1.3825
    ],
    "SoftwareVersions": "syngo_MR_D13D",
    "StationName": "AWP66018",
    "TaskDescription": "Passively listened to audio story 'schema'",
    "TaskName": "schema",
    "TotalReadoutTime": 0.0883478,
    "dataset": "ds002345",
    "modality": "bold",
    "run_id": 2,
    "subject_id": "186",
    "task_id": "schema"
  },
  "dummy_trs": 2,
  "dvars_nstd": 35.58956074166667,
  "dvars_std": 1.0625563189837393,
  "dvars_vstd": 0.9900016321951225,
  "efc": 0.6194201528782122,
  "fber": 206.28042602539062,
  "fd_mean": 0.11225687916222025,
  "fd_num": 38,
  "fd_perc": 7.707910750507099,
  "fwhm_avg": 3.0901383333333334,
  "fwhm_x": 2.78458,
  "fwhm_y": 3.335035,
  "fwhm_z": 3.1508,
  "gcor": 0.0125907,
  "gsr_x": -0.02662554383277893,
  "gsr_y": 0.08287449926137924,
  "provenance": {
    "md5sum": "c5e4ef4d7b09217a89e90b67251ae5d2",
    "settings": {
      "fd_thres": 0.2,
      "testing": false
    },
    "software": "mriqc",
    "version": "22.0.6",
    "webapi_port": null,
    "webapi_url": "https://mriqc.nimh.nih.gov/api/v1"
  },
  "size_t": 493,
  "size_x": 96,
  "size_y": 96,
  "size_z": 60,
  "snr": 1.7648717709340065,
  "spacing_tr": 1.5,
  "spacing_x": 2.0,
  "spacing_y": 2.0,
  "spacing_z": 2.0,
  "summary_bg_k": 31.953241675031883,
  "summary_bg_mad": 12.80210648145635,
  "summary_bg_mean": 60.76668167114258,
  "summary_bg_median": 34.30223083496094,
  "summary_bg_n": 272487.0,
  "summary_bg_p05": 23.805273056030273,
  "summary_bg_p95": 186.99330291748043,
  "summary_bg_stdv": 69.7628402709961,
  "summary_fg_k": 5.142629105028805,
  "summary_fg_mad": 234.12183908771297,
  "summary_fg_mean": 581.4319458007812,
  "summary_fg_median": 517.8194580078125,
  "summary_fg_n": 184225.0,
  "summary_fg_p05": 250.02798767089845,
  "summary_fg_p95": 1122.8661132812492,
  "summary_fg_stdv": 293.40264892578125,
  "tsnr": 36.38112516980618
}