{
  "aor": 0.0010414807302231237,
  "aqi": 0.00417253261663286,
  "bids_meta": {
    "CogAtlasID": "https://www.cognitiveatlas.org/task/id/trm_4c8991fadfe01",
    "DeviceSerialNumber": "66018",
    "DwellTime": 4.2e-06,
    "EchoTime": 0.039,
    "EffectiveEchoSpacing": 0.000929976,
    "FlipAngle": 50,
    "InstitutionAddress": "Washington Rd, Princeton, NJ 08540, USA",
    "InstitutionName": "Princeton University",
    "InstitutionalDepartmentName": "Princeton Neuroscience Institute",
    "MagneticFieldStrength": 3,
    "Manufacturer": "Siemens",
    "ManufacturersModelName": "Prisma",
    "NumberOfVolumesDiscardedByScanner": 3,
    "ParallelReductionType": "GRAPPA",
    "PartialFourier": 0.75,
    "PhaseEncodingDirection": "j-",
    "PixelBandwidth": 1240,
    "PulseSequenceDetails": "%CustomerSeq%_ep2d_bold_sms_mgh_v22",
    "PulseSequenceType": "Gradient Echo EPI",
    "ReceiveCoilActiveElements": "HC1-7;NC1,2",
    "ReceiveCoilName": "HeadNeck_64",
    "RepetitionTime": 1.5,
    "ScanOptions": "PFP_FS",
    "ScanningSequence": "EP",
    "SequenceName": "epfSM2d1_96",
    "SequenceVariant": "SK",
    "SliceTiming": [
      0.6925,
      0,
      0.79,
      0.1,
      0.8875,
      0.1975,
      0.9875,
      0.2975,
      1.085,
      0.395,
      1.185,
      0.495,
      1.2825,
      0.5925,
      1.3825,
      0.6925,
      0,
      0.79,
      0.1,
      0.8875,
      0.1975,
      0.9875,
      0.2975,
      1.085,
      0.395,
      1.185,
      0.495,
      1.2825,
      0.5925,
      1.3825,
      0.6925,
      0,
      0.79,
      0.1,
      0.8875,
      0.1975,
      0.9875,
      0.2975,
      1.085,
      0.395,
      1.185,
      0.495,
      1.2825,
      0.5925,
      1.3825,
      0.6925,
      0,
      0.79,
      0.1,
      0.8875,
      0.1975,
      0.9875,
      0.2975,
      1.085,
      0.395,
      1.185,
      0.495,
      1.2825,
      0.5925,
      1.3825
    ],
    "SoftwareVersions": "syngo_MR_D13D",
    "StationName": "AWP66018",
    "TaskDescription": "Passively listened to audio story 'schema'",
    "TaskName": "schema",
    "TotalReadoutTime": 0.0883478,
    "dataset": "ds002345",
    "modality": "bold",
    "run_id": 1,
    "subject_id": "186",
    "task_id": "schema"
  },
  "dummy_trs": 1,
  "dvars_nstd": 34.11725850213417,
  "dvars_std": 1.0838621856097554,
  "dvars_vstd": 0.9829413246544723,
  "efc": 0.6171041890887952,
  "fber": 220.51461791992188,
  "fd_mean": 0.0901663176836263,
  "fd_num": 11,
  "fd_perc": 2.231237322515213,
  "fwhm_avg": 3.0852316666666666,
  "fwhm_x": 2.766185,
  "fwhm_y": 3.32955,
  "fwhm_z": 3.15996,
  "gcor": 0.0183598,
  "gsr_x": -0.027299197390675545,
  "gsr_y": 0.08384118229150772,
  "provenance": {
    "md5sum": "0cd8a9dcd61a9bfb849eeb4fe096fc6f",
    "settings": {
      "fd_thres": 0.2,
      "testing": false
    },
    "software": "mriqc",
    "version": "22.0.6",
    "webapi_port": null,
    "webapi_url": "https://mriqc.nimh.nih.gov/api/v1"
  },
  "size_t": 493,
  "size_x": 96,
  "size_y": 96,
  "size_z": 60,
  "snr": 1.7606645139300283,
  "spacing_tr": 1.5,
  "spacing_x": 2.0,
  "spacing_y": 2.0,
  "spacing_z": 2.0,
  "summary_bg_k": 34.64545441215335,
  "summary_bg_mad": 12.068321769101415,
  "summary_bg_mean": 59.31935119628906,
  "summary_bg_median": 33.24137878417969,
  "summary_bg_n": 272261.0,
  "summary_bg_p05": 23.28803253173828,
  "summary_bg_p95": 183.94117736816406,
  "summary_bg_stdv": 68.61722564697266,
  "summary_fg_k": 5.175171168554542,
  "summary_fg_mad": 235.91568461252655,
  "summary_fg_mean": 583.8174438476562,
  "summary_fg_median": 519.9168090820312,
  "summary_fg_n": 184168.0,
  "summary_fg_p05": 250.70181274414062,
  "summary_fg_p95": 1131.1633544921872,
  "summary_fg_stdv": 295.29498291015625,
  "tsnr": 41.50525027187541
}