{
  "aor": 0.0028228857269897733,
  "aqi": 0.03241338701645176,
  "bids_meta": {
    "CogAtlasID": "https://www.cognitiveatlas.org/task/id/trm_4c8991fadfe01",
    "DeviceSerialNumber": "45031",
    "DwellTime": 4.9e-06,
    "EchoTime": 0.028,
    "EffectiveEchoSpacing": 0.000355001,
    "FlipAngle": 64,
    "InstitutionAddress": "Washington Rd, Princeton, NJ 08540, USA",
    "InstitutionName": "Princeton University",
    "InstitutionalDepartmentName": "Princeton Neuroscience Institute",
    "MagneticFieldStrength": 3,
    "Manufacturer": "Siemens",
    "ManufacturersModelName": "Skyra",
    "NumberOfVolumesDiscardedByScanner": 3,
    "ParallelReductionFactorInPlane": 2,
    "ParallelReductionType": "GRAPPA",
    "PartialFourier": 1,
    "PhaseEncodingDirection": "j-",
    "PixelBandwidth": 1595,
    "PulseSequenceDetails": "%SiemensSeq%_ep2d_bold",
    "PulseSequenceType": "Gradient Echo EPI",
    "ReceiveCoilActiveElements": "HE1-4",
    "ReceiveCoilName": "HeadNeck_20",
    "RepetitionTime": 1.5,
    "ScanOptions": "FS",
    "ScanningSequence": "EP",
    "SequenceName": "_epfid2d1_64",
    "SequenceVariant": "SK",
    "SliceTiming": [
      0,
      0.7675,
      0.055,
      0.8225,
      0.11,
      0.8775,
      0.165,
      0.9325,
      0.22,
      0.9875,
      0.275,
      1.0425,
      0.33,
      1.0975,
      0.385,
      1.1525,
      0.44,
      1.2075,
      0.495,
      1.2625,
      0.55,
      1.315,
      0.6025,
      1.37,
      0.6575,
      1.425,
      0.7125
    ],
    "SoftwareVersions": "syngo_MR_E11",
    "StationName": "AWP45031",
    "TaskDescription": "Passively listened to audio story '21styear'",
    "TaskName": "21styear",
    "TotalReadoutTime": 0.022365,
    "dataset": "ds002345",
    "modality": "bold",
    "subject_id": "264",
    "task_id": "21styear"
  },
  "dummy_trs": 0,
  "dvars_nstd": 20.689104379728633,
  "dvars_std": 1.105217869119217,
  "dvars_vstd": 0.940965444381671,
  "efc": 0.5696383202727053,
  "fber": 2515.735595703125,
  "fd_mean": 0.18061599923854302,
  "fd_num": 768,
  "fd_perc": 34.148510449088484,
  "fwhm_avg": 1.703436388888889,
  "fwhm_x": 1.73212,
  "fwhm_y": 1.9415366666666667,
  "fwhm_z": 1.4366525,
  "gcor": 0.0104009,
  "gsr_x": -0.014143801294267178,
  "gsr_y": 0.05081302672624588,
  "provenance": {
    "md5sum": "4cd821b68f103ff15e90b0163a875321",
    "settings": {
      "fd_thres": 0.2,
      "testing": false
    },
    "software": "mriqc",
    "version": "22.0.0rc1",
    "webapi_port": null,
    "webapi_url": "https://mriqc.nimh.nih.gov/api/v1"
  },
  "size_t": 2249,
  "size_x": 64,
  "size_y": 64,
  "size_z": 27,
  "snr": 7.306962184901494,
  "spacing_tr": 1.5,
  "spacing_x": 3.0,
  "spacing_y": 3.0,
  "spacing_z": 4.0,
  "summary_bg_k": 51.857631091517476,
  "summary_bg_mad": 9.27829490802343,
  "summary_bg_mean": 35.07554626464844,
  "summary_bg_median": 14.896842956542969,
  "summary_bg_n": 56358.0,
  "summary_bg_p05": 6.310538053512574,
  "summary_bg_p95": 117.31792182922354,
  "summary_bg_stdv": 64.7610855102539,
  "summary_fg_k": 2.18745934013572,
  "summary_fg_mad": 97.59402845760606,
  "summary_fg_mean": 775.592041015625,
  "summary_fg_median": 764.5006713867188,
  "summary_fg_n": 26277.0,
  "summary_fg_p05": 633.9533935546875,
  "summary_fg_p95": 949.8621582031247,
  "summary_fg_stdv": 104.62434387207031,
  "tsnr": 44.194103995803744
}