{
  "aor": 0.0009164333333333334,
  "aqi": 0.006155103466666667,
  "bids_meta": {
    "CogAtlasID": "https://www.cognitiveatlas.org/task/id/trm_4c8991fadfe01",
    "DeviceSerialNumber": "45031",
    "DwellTime": 5.4e-06,
    "EchoTime": 0.028,
    "EffectiveEchoSpacing": 0.000390001,
    "FlipAngle": 64,
    "InstitutionAddress": "Washington Rd, Princeton, NJ 08540, USA",
    "InstitutionName": "Princeton University",
    "InstitutionalDepartmentName": "Princeton Neuroscience Institute",
    "MagneticFieldStrength": 3,
    "Manufacturer": "Siemens",
    "ManufacturersModelName": "Skyra",
    "NumberOfVolumesDiscardedByScanner": 3,
    "ParallelReductionFactorInPlane": 2,
    "ParallelReductionType": "GRAPPA",
    "PartialFourier": 1,
    "PhaseEncodingDirection": "j-",
    "PixelBandwidth": 1445,
    "PulseSequenceDetails": "%SiemensSeq%_ep2d_bold",
    "PulseSequenceType": "Gradient Echo EPI",
    "ReceiveCoilActiveElements": "HE1-4",
    "ReceiveCoilName": "HeadNeck_20",
    "RepetitionTime": 1.5,
    "ScanOptions": "FS",
    "ScanningSequence": "EP",
    "SequenceName": "_epfid2d1_64",
    "SequenceVariant": "SK",
    "SliceTiming": [
      0,
      0.7775,
      0.055,
      0.8325,
      0.11,
      0.89,
      0.1675,
      0.945,
      0.2225,
      1,
      0.2775,
      1.055,
      0.3325,
      1.11,
      0.39,
      1.1675,
      0.445,
      1.2225,
      0.5,
      1.2775,
      0.555,
      1.3325,
      0.61,
      1.3875,
      0.6675,
      1.445,
      0.7225
    ],
    "SoftwareVersions": "syngo_MR_D11",
    "StationName": "AWP45031",
    "TaskDescription": "Passively listened to audio story 'pieman'",
    "TaskName": "pieman",
    "TotalReadoutTime": 0.0245701,
    "dataset": "ds002345",
    "modality": "bold",
    "run_id": 1,
    "subject_id": "011",
    "task_id": "pieman"
  },
  "dummy_trs": 0,
  "dvars_nstd": 22.015515687993304,
  "dvars_std": 1.2178277871237466,
  "dvars_vstd": 0.9953391266220738,
  "efc": 0.5807980038551078,
  "fber": 2052.793701171875,
  "fd_mean": 0.13014421130526385,
  "fd_num": 29,
  "fd_perc": 9.666666666666666,
  "fwhm_avg": 1.7477612612064322,
  "fwhm_x": 1.6976533333333332,
  "fwhm_y": 1.9390133333333335,
  "fwhm_z": 1.6066171169526298,
  "gcor": 0.0336888,
  "gsr_x": -0.0052068522199988365,
  "gsr_y": 0.0353490449488163,
  "provenance": {
    "md5sum": "f816fa9fded29c9e6c464e8002ffa182",
    "settings": {
      "fd_thres": 0.2,
      "testing": false
    },
    "software": "mriqc",
    "version": "21.0.0rc2",
    "webapi_port": null,
    "webapi_url": "https://mriqc.nimh.nih.gov/api/v1"
  },
  "size_t": 300,
  "size_x": 64,
  "size_y": 64,
  "size_z": 27,
  "snr": 6.813739973287227,
  "spacing_tr": 1.5,
  "spacing_x": 3.0,
  "spacing_y": 3.0,
  "spacing_z": 4.000000953674316,
  "summary_bg_k": 28.246463677830697,
  "summary_bg_mad": 9.256380567255935,
  "summary_bg_mean": 35.32530975341797,
  "summary_bg_median": 13.756667137145996,
  "summary_bg_n": 56129.0,
  "summary_bg_p05": 6.260000228881836,
  "summary_bg_p95": 137.89333190917958,
  "summary_bg_stdv": 61.45230484008789,
  "summary_fg_k": 2.0705805827097743,
  "summary_fg_mad": 90.52524458915002,
  "summary_fg_mean": 655.0209350585938,
  "summary_fg_median": 646.646728515625,
  "summary_fg_n": 26638.0,
  "summary_fg_p05": 524.1578369140625,
  "summary_fg_p95": 812.929537963867,
  "summary_fg_stdv": 94.90156555175781,
  "tsnr": 75.8005271316506
}