{
  "aor": 0.002583578595317726,
  "aqi": 0.01172056548494983,
  "bids_meta": {
    "CogAtlasID": "https://www.cognitiveatlas.org/task/id/trm_4c8991fadfe01",
    "DeviceSerialNumber": "45031",
    "DwellTime": 5.4e-06,
    "EchoTime": 0.028,
    "EffectiveEchoSpacing": 0.000390001,
    "FlipAngle": 64,
    "InstitutionAddress": "Washington Rd, Princeton, NJ 08540, USA",
    "InstitutionName": "Princeton University",
    "InstitutionalDepartmentName": "Princeton Neuroscience Institute",
    "MagneticFieldStrength": 3,
    "Manufacturer": "Siemens",
    "ManufacturersModelName": "Skyra",
    "NumberOfVolumesDiscardedByScanner": 3,
    "ParallelReductionFactorInPlane": 2,
    "ParallelReductionType": "GRAPPA",
    "PartialFourier": 1,
    "PhaseEncodingDirection": "j-",
    "PixelBandwidth": 1445,
    "PulseSequenceDetails": "%SiemensSeq%_ep2d_bold",
    "PulseSequenceType": "Gradient Echo EPI",
    "ReceiveCoilActiveElements": "HE1-4",
    "ReceiveCoilName": "HeadNeck_20",
    "RepetitionTime": 1.5,
    "ScanOptions": "FS",
    "ScanningSequence": "EP",
    "SequenceName": "_epfid2d1_64",
    "SequenceVariant": "SK",
    "SliceTiming": [
      0,
      0.7775,
      0.055,
      0.8325,
      0.11,
      0.89,
      0.1675,
      0.945,
      0.2225,
      1,
      0.2775,
      1.055,
      0.3325,
      1.11,
      0.39,
      1.1675,
      0.445,
      1.2225,
      0.5,
      1.2775,
      0.555,
      1.3325,
      0.61,
      1.3875,
      0.6675,
      1.445,
      0.7225
    ],
    "SoftwareVersions": "syngo_MR_D11",
    "StationName": "AWP45031",
    "TaskDescription": "Passively listened to audio story 'pieman'",
    "TaskName": "pieman",
    "TotalReadoutTime": 0.0245701,
    "dataset": "ds002345",
    "modality": "bold",
    "run_id": 2,
    "subject_id": "011",
    "task_id": "pieman"
  },
  "dummy_trs": 1,
  "dvars_nstd": 21.819900659832232,
  "dvars_std": 1.18216142375839,
  "dvars_vstd": 1.0010258686577178,
  "efc": 0.5788917946977695,
  "fber": 2207.619384765625,
  "fd_mean": 0.1529584967124768,
  "fd_num": 51,
  "fd_perc": 17.05685618729097,
  "fwhm_avg": 1.781482370778949,
  "fwhm_x": 1.7359066666666667,
  "fwhm_y": 1.9825633333333332,
  "fwhm_z": 1.6259771123368474,
  "gcor": 0.0287434,
  "gsr_x": -0.0025252269115298986,
  "gsr_y": 0.03666435182094574,
  "provenance": {
    "md5sum": "fa2b1c846d09b53ff8fe7af47987a9ff",
    "settings": {
      "fd_thres": 0.2,
      "testing": false
    },
    "software": "mriqc",
    "version": "21.0.0rc2",
    "webapi_port": null,
    "webapi_url": "https://mriqc.nimh.nih.gov/api/v1"
  },
  "size_t": 299,
  "size_x": 64,
  "size_y": 64,
  "size_z": 27,
  "snr": 6.800717116495926,
  "spacing_tr": 1.5,
  "spacing_x": 3.0,
  "spacing_y": 3.0,
  "spacing_z": 4.000000953674316,
  "summary_bg_k": 28.895264266246098,
  "summary_bg_mad": 8.404718080037085,
  "summary_bg_mean": 35.08652877807617,
  "summary_bg_median": 13.280936241149902,
  "summary_bg_n": 56187.0,
  "summary_bg_p05": 6.464882850646973,
  "summary_bg_p95": 137.4150482177734,
  "summary_bg_stdv": 62.02048873901367,
  "summary_fg_k": 1.8945848374140857,
  "summary_fg_mad": 90.04202340709315,
  "summary_fg_mean": 655.4227905273438,
  "summary_fg_median": 646.4649047851562,
  "summary_fg_n": 26485.0,
  "summary_fg_p05": 525.4019775390625,
  "summary_fg_p95": 815.5183959960938,
  "summary_fg_stdv": 95.05654907226562,
  "tsnr": 60.029754023998976
}