{
  "aor": 0.0005946925566343043,
  "aqi": 0.005602190258899676,
  "bids_meta": {
    "CogAtlasID": "https://www.cognitiveatlas.org/task/id/trm_4c8991fadfe01",
    "DeviceSerialNumber": "66018",
    "DwellTime": 4.2e-06,
    "EchoTime": 0.039,
    "EffectiveEchoSpacing": 0.000929976,
    "FlipAngle": 50,
    "InstitutionAddress": "Washington Rd, Princeton, NJ 08540, USA",
    "InstitutionName": "Princeton University",
    "InstitutionalDepartmentName": "Princeton Neuroscience Institute",
    "MagneticFieldStrength": 3,
    "Manufacturer": "Siemens",
    "ManufacturersModelName": "Prisma",
    "NumberOfVolumesDiscardedByScanner": 3,
    "ParallelReductionType": "GRAPPA",
    "PartialFourier": 0.75,
    "PhaseEncodingDirection": "j-",
    "PixelBandwidth": 1240,
    "PulseSequenceDetails": "%CustomerSeq%_ep2d_bold_sms_mgh_v22",
    "PulseSequenceType": "Gradient Echo EPI",
    "ReceiveCoilActiveElements": "HC1-7;NC1,2",
    "ReceiveCoilName": "HeadNeck_64",
    "RepetitionTime": 1.5,
    "ScanOptions": "PFP_FS",
    "ScanningSequence": "EP",
    "SequenceName": "epfSM2d1_96",
    "SequenceVariant": "SK",
    "SliceTiming": [
      0.6925,
      0,
      0.79,
      0.1,
      0.8875,
      0.1975,
      0.9875,
      0.2975,
      1.085,
      0.395,
      1.185,
      0.495,
      1.2825,
      0.5925,
      1.3825,
      0.6925,
      0,
      0.79,
      0.1,
      0.8875,
      0.1975,
      0.9875,
      0.2975,
      1.085,
      0.395,
      1.185,
      0.495,
      1.2825,
      0.5925,
      1.3825,
      0.6925,
      0,
      0.79,
      0.1,
      0.8875,
      0.1975,
      0.9875,
      0.2975,
      1.085,
      0.395,
      1.185,
      0.495,
      1.2825,
      0.5925,
      1.3825,
      0.6925,
      0,
      0.79,
      0.1,
      0.8875,
      0.1975,
      0.9875,
      0.2975,
      1.085,
      0.395,
      1.185,
      0.495,
      1.2825,
      0.5925,
      1.3825
    ],
    "SoftwareVersions": "syngo_MR_D13D",
    "StationName": "AWP66018",
    "TaskDescription": "Passively listened to audio story 'shapesphysical'",
    "TaskName": "shapesphysical",
    "TotalReadoutTime": 0.0883478,
    "dataset": "ds002345",
    "modality": "bold",
    "subject_id": "244",
    "task_id": "shapesphysical"
  },
  "dummy_trs": 1,
  "dvars_nstd": 31.644456708831182,
  "dvars_std": 1.0384735969805186,
  "dvars_vstd": 0.9824425886688315,
  "efc": 0.613824407357168,
  "fber": 337.19976806640625,
  "fd_mean": 0.07499047995700373,
  "fd_num": 4,
  "fd_perc": 1.2944983818770226,
  "fwhm_avg": 2.736326666666667,
  "fwhm_x": 2.521275,
  "fwhm_y": 2.97657,
  "fwhm_z": 2.711135,
  "gcor": 0.00803276,
  "gsr_x": -0.00971295963972807,
  "gsr_y": 0.06515701115131378,
  "provenance": {
    "md5sum": "ebeba02411eb84598315065466b48d9b",
    "settings": {
      "fd_thres": 0.2,
      "testing": false
    },
    "software": "mriqc",
    "version": "22.0.0rc1",
    "webapi_port": null,
    "webapi_url": "https://mriqc.nimh.nih.gov/api/v1"
  },
  "size_t": 309,
  "size_x": 96,
  "size_y": 96,
  "size_z": 60,
  "snr": 2.5370322557096125,
  "spacing_tr": 1.5,
  "spacing_x": 2.0,
  "spacing_y": 2.0,
  "spacing_z": 2.0,
  "summary_bg_k": 45.71820791943609,
  "summary_bg_mad": 6.510975596640652,
  "summary_bg_mean": 40.52152633666992,
  "summary_bg_median": 25.074434280395508,
  "summary_bg_n": 295438.0,
  "summary_bg_p05": 19.67961311340332,
  "summary_bg_p95": 103.48317222595192,
  "summary_bg_stdv": 44.35365676879883,
  "summary_fg_k": 3.4824375761890574,
  "summary_fg_mad": 173.91551124717088,
  "summary_fg_mean": 499.5313720703125,
  "summary_fg_median": 473.3738098144531,
  "summary_fg_n": 169416.0,
  "summary_fg_p05": 260.63673400878906,
  "summary_fg_p95": 827.7063293457031,
  "summary_fg_stdv": 186.58509826660156,
  "tsnr": 40.12895275442861
}