{
  "bids_meta": {
    "DeviceSerialNumber": "45031",
    "DwellTime": 8.2e-06,
    "EchoTime": 0.00308,
    "FlipAngle": 9,
    "InstitutionAddress": "Washington Rd, Princeton, NJ 08540, USA",
    "InstitutionName": "Princeton University",
    "InstitutionalDepartmentName": "Princeton Neuroscience Institute",
    "InversionTime": 0.9,
    "MagneticFieldStrength": 3,
    "Manufacturer": "Siemens",
    "ManufacturersModelName": "Skyra",
    "ParallelReductionFactorInPlane": 2,
    "ParallelReductionType": "GRAPPA",
    "PartialFourier": 1,
    "PixelBandwidth": 240,
    "PulseSequenceDetails": "%SiemensSeq%_tfl",
    "PulseSequenceType": "MPRAGE",
    "ReceiveCoilActiveElements": "HE1-4",
    "ReceiveCoilName": "HeadNeck_20",
    "RepetitionTime": 2.3,
    "ScanOptions": "IR",
    "ScanningSequence": "GR_IR",
    "SequenceName": "_tfl3d1_16ns",
    "SequenceVariant": "SK_SP_MP",
    "SoftwareVersions": "syngo_MR_D11",
    "StationName": "AWP45031",
    "dataset": "ds002345",
    "modality": "T1w",
    "subject_id": "025"
  },
  "cjv": 0.47710036789280613,
  "cnr": 2.759585495368919,
  "efc": 0.6549592203950472,
  "fber": 872.8825611586676,
  "fwhm_avg": 3.446429705494687,
  "fwhm_x": 3.423588752847695,
  "fwhm_y": 3.6594269090909095,
  "fwhm_z": 3.256273454545455,
  "icvs_csf": 0.18375590812400103,
  "icvs_gm": 0.41864247283148603,
  "icvs_wm": 0.39760161904451297,
  "inu_med": 1.4501700401306152,
  "inu_range": 0.6389170289039612,
  "provenance": {
    "md5sum": "514179ca48ffeb6b9b1c8ed3ed9d921e",
    "settings": {
      "testing": false
    },
    "software": "mriqc",
    "version": "21.0.0rc2",
    "warnings": {
      "large_rot_frame": true,
      "small_air_mask": false
    },
    "webapi_port": null,
    "webapi_url": "https://mriqc.nimh.nih.gov/api/v1"
  },
  "qi_1": 0.0,
  "qi_2": 0.0032140818070522615,
  "rpve_csf": 19.958162336163337,
  "rpve_gm": 9.571590478030073,
  "rpve_wm": 12.27889732997878,
  "size_x": 192,
  "size_y": 256,
  "size_z": 256,
  "snr_csf": 2.4120292081456065,
  "snr_gm": 8.663132569920721,
  "snr_total": 9.07037669145435,
  "snr_wm": 16.135968296296717,
  "snrd_csf": 19.698886175255026,
  "snrd_gm": 38.4107631689826,
  "snrd_total": 37.345288822396476,
  "snrd_wm": 53.926217122951805,
  "spacing_x": 0.9000000357627869,
  "spacing_y": 0.859375,
  "spacing_z": 0.859375,
  "summary_bg_k": 704.4664976980212,
  "summary_bg_mad": 12.149685576944593,
  "summary_bg_mean": 20.747819624962265,
  "summary_bg_median": 19.146818667650223,
  "summary_bg_n": 2385423.0,
  "summary_bg_p05": 2.757141888141632,
  "summary_bg_p95": 46.18212662637234,
  "summary_bg_stdv": 16.42379836300992,
  "summary_csf_k": 20.932011160608322,
  "summary_csf_mad": 164.87236876377148,
  "summary_csf_mean": 371.2571619631691,
  "summary_csf_median": 365.32130017876625,
  "summary_csf_n": 13755.0,
  "summary_csf_p05": 169.41105157136917,
  "summary_csf_p95": 592.3259823024273,
  "summary_csf_stdv": 151.45256911555987,
  "summary_gm_k": 0.5430618151723596,
  "summary_gm_mad": 77.32650353176886,
  "summary_gm_mean": 715.7077514380476,
  "summary_gm_median": 712.3382417112589,
  "summary_gm_n": 28747.0,
  "summary_gm_p05": 587.064436532557,
  "summary_gm_p95": 857.6243017613888,
  "summary_gm_stdv": 82.22497417305712,
  "summary_wm_k": 0.2907040547497477,
  "summary_wm_mad": 59.95358864137145,
  "summary_wm_mean": 999.1948947361991,
  "summary_wm_median": 1000.0766326487064,
  "summary_wm_n": 365252.0,
  "summary_wm_p05": 895.6115899980068,
  "summary_wm_p95": 1099.0273915231228,
  "summary_wm_stdv": 61.97801366866157,
  "tpm_overlap_csf": 0.16452431678771973,
  "tpm_overlap_gm": 0.4193287491798401,
  "tpm_overlap_wm": 0.4819061756134033,
  "wm2max": 0.44742860386255656
}