{
  "bids_meta": {
    "DeviceSerialNumber": "45031",
    "DwellTime": 8.2e-06,
    "EchoTime": 0.00308,
    "FlipAngle": 9,
    "InstitutionAddress": "Washington Rd, Princeton, NJ 08540, USA",
    "InstitutionName": "Princeton University",
    "InstitutionalDepartmentName": "Princeton Neuroscience Institute",
    "InversionTime": 0.9,
    "MagneticFieldStrength": 3,
    "Manufacturer": "Siemens",
    "ManufacturersModelName": "Skyra",
    "ParallelReductionFactorInPlane": 2,
    "ParallelReductionType": "GRAPPA",
    "PartialFourier": 1,
    "PixelBandwidth": 240,
    "PulseSequenceDetails": "%SiemensSeq%_tfl",
    "PulseSequenceType": "MPRAGE",
    "ReceiveCoilActiveElements": "HE1-4",
    "ReceiveCoilName": "HeadNeck_20",
    "RepetitionTime": 2.3,
    "ScanOptions": "IR",
    "ScanningSequence": "GR_IR",
    "SequenceName": "_tfl3d1_16ns",
    "SequenceVariant": "SK_SP_MP",
    "SoftwareVersions": "syngo_MR_D11",
    "StationName": "AWP45031",
    "dataset": "ds002345",
    "modality": "T1w",
    "subject_id": "054"
  },
  "cjv": 0.5526179106077826,
  "cnr": 2.353983936795512,
  "efc": 0.6989554203567866,
  "fber": 748.8672567792053,
  "fwhm_avg": 3.4016754967039784,
  "fwhm_x": 3.4263443082937544,
  "fwhm_y": 3.549579636363636,
  "fwhm_z": 3.2291025454545452,
  "icvs_csf": 0.18435491780542515,
  "icvs_gm": 0.4201972638775324,
  "icvs_wm": 0.39544781831704245,
  "inu_med": 1.2998719215393066,
  "inu_range": 0.5701325118541718,
  "provenance": {
    "md5sum": "d6a11d678252f42b560ec59abd9991c3",
    "settings": {
      "testing": false
    },
    "software": "mriqc",
    "version": "21.0.0rc2",
    "warnings": {
      "large_rot_frame": true,
      "small_air_mask": false
    },
    "webapi_port": null,
    "webapi_url": "https://mriqc.nimh.nih.gov/api/v1"
  },
  "qi_1": 0.0,
  "qi_2": 0.0034222747615831636,
  "rpve_csf": 17.635499771690146,
  "rpve_gm": 8.456653171797877,
  "rpve_wm": 10.869100787288888,
  "size_x": 192,
  "size_y": 256,
  "size_z": 256,
  "snr_csf": 2.732465612996597,
  "snr_gm": 8.004782821565994,
  "snr_total": 8.755930590386734,
  "snr_wm": 15.530543336597614,
  "snrd_csf": 19.097863297374897,
  "snrd_gm": 37.18017145289628,
  "snrd_total": 35.64521024612534,
  "snrd_wm": 50.65759598810484,
  "spacing_x": 0.9000000357627869,
  "spacing_y": 0.859375,
  "spacing_z": 0.859375,
  "summary_bg_k": 7.69760505848528,
  "summary_bg_mad": 12.933628337995149,
  "summary_bg_mean": 23.18699839170589,
  "summary_bg_median": 20.202020466327667,
  "summary_bg_n": 2231564.0,
  "summary_bg_p05": 5.6626875549554825,
  "summary_bg_p95": 51.34680201858282,
  "summary_bg_stdv": 14.872029587791795,
  "summary_csf_k": 0.9187969060244132,
  "summary_csf_mad": 166.548828071727,
  "summary_csf_mean": 387.26783048507156,
  "summary_csf_median": 377.02785923331976,
  "summary_csf_n": 24237.0,
  "summary_csf_p05": 183.79247256070374,
  "summary_csf_p95": 604.5301578938961,
  "summary_csf_stdv": 137.97797835769103,
  "summary_gm_k": 0.545170800102027,
  "summary_gm_mad": 85.08966011838913,
  "summary_gm_mean": 741.2734491143735,
  "summary_gm_median": 734.0067436099052,
  "summary_gm_n": 33132.0,
  "summary_gm_p05": 603.1527474075556,
  "summary_gm_p95": 907.441854541376,
  "summary_gm_stdv": 91.69463842823612,
  "summary_wm_k": 0.5949961982034657,
  "summary_wm_mad": 61.94527256618729,
  "summary_wm_mean": 1001.145438367933,
  "summary_wm_median": 1000.0765358880162,
  "summary_wm_n": 409118.0,
  "summary_wm_p05": 897.9951142892241,
  "summary_wm_p95": 1107.5910766273737,
  "summary_wm_stdv": 64.39409697249755,
  "tpm_overlap_csf": 0.1812942624092102,
  "tpm_overlap_gm": 0.43037015199661255,
  "tpm_overlap_wm": 0.4947172999382019,
  "wm2max": 0.4544934637482532
}