{
  "aor": 0.002933116883116883,
  "aqi": 0.008311726623376623,
  "bids_meta": {
    "CogAtlasID": "https://www.cognitiveatlas.org/task/id/trm_4c8991fadfe01",
    "DeviceSerialNumber": "66018",
    "DwellTime": 4.2e-06,
    "EchoTime": 0.039,
    "EffectiveEchoSpacing": 0.000929976,
    "FlipAngle": 50,
    "InstitutionAddress": "Washington Rd, Princeton, NJ 08540, USA",
    "InstitutionName": "Princeton University",
    "InstitutionalDepartmentName": "Princeton Neuroscience Institute",
    "MagneticFieldStrength": 3,
    "Manufacturer": "Siemens",
    "ManufacturersModelName": "Prisma",
    "NumberOfVolumesDiscardedByScanner": 3,
    "ParallelReductionType": "GRAPPA",
    "PartialFourier": 0.75,
    "PhaseEncodingDirection": "j-",
    "PixelBandwidth": 1240,
    "PulseSequenceDetails": "%CustomerSeq%_ep2d_bold_sms_mgh_v22",
    "PulseSequenceType": "Gradient Echo EPI",
    "ReceiveCoilActiveElements": "HC1-7;NC1,2",
    "ReceiveCoilName": "HeadNeck_64",
    "RepetitionTime": 1.5,
    "ScanOptions": "PFP_FS",
    "ScanningSequence": "EP",
    "SequenceName": "epfSM2d1_96",
    "SequenceVariant": "SK",
    "SliceTiming": [
      0.6925,
      0,
      0.79,
      0.1,
      0.8875,
      0.1975,
      0.9875,
      0.2975,
      1.085,
      0.395,
      1.185,
      0.495,
      1.2825,
      0.5925,
      1.3825,
      0.6925,
      0,
      0.79,
      0.1,
      0.8875,
      0.1975,
      0.9875,
      0.2975,
      1.085,
      0.395,
      1.185,
      0.495,
      1.2825,
      0.5925,
      1.3825,
      0.6925,
      0,
      0.79,
      0.1,
      0.8875,
      0.1975,
      0.9875,
      0.2975,
      1.085,
      0.395,
      1.185,
      0.495,
      1.2825,
      0.5925,
      1.3825,
      0.6925,
      0,
      0.79,
      0.1,
      0.8875,
      0.1975,
      0.9875,
      0.2975,
      1.085,
      0.395,
      1.185,
      0.495,
      1.2825,
      0.5925,
      1.3825
    ],
    "SoftwareVersions": "syngo_MR_D13D",
    "StationName": "AWP66018",
    "TaskDescription": "Passively listened to audio story 'shapessocial'",
    "TaskName": "shapessocial",
    "TotalReadoutTime": 0.0883478,
    "dataset": "ds002345",
    "modality": "bold",
    "subject_id": "253",
    "task_id": "shapessocial"
  },
  "dummy_trs": 1,
  "dvars_nstd": 34.13902310087947,
  "dvars_std": 1.0950420454071652,
  "dvars_vstd": 0.9766265383387618,
  "efc": 0.5708312444942351,
  "fber": 369.12091064453125,
  "fd_mean": 0.0807848202620387,
  "fd_num": 12,
  "fd_perc": 3.896103896103896,
  "fwhm_avg": 2.81508,
  "fwhm_x": 2.64191,
  "fwhm_y": 3.014185,
  "fwhm_z": 2.789145,
  "gcor": 0.0434609,
  "gsr_x": 0.005183911416679621,
  "gsr_y": 0.04977372661232948,
  "provenance": {
    "md5sum": "f2364a12027113e8e4abfaa54f47dd68",
    "settings": {
      "fd_thres": 0.2,
      "testing": false
    },
    "software": "mriqc",
    "version": "22.0.0rc1",
    "webapi_port": null,
    "webapi_url": "https://mriqc.nimh.nih.gov/api/v1"
  },
  "size_t": 308,
  "size_x": 96,
  "size_y": 96,
  "size_z": 60,
  "snr": 2.1611071197469474,
  "spacing_tr": 1.5,
  "spacing_x": 2.0,
  "spacing_y": 2.0,
  "spacing_z": 2.0,
  "summary_bg_k": 57.086315523134395,
  "summary_bg_mad": 7.831797127965343,
  "summary_bg_mean": 40.7393913269043,
  "summary_bg_median": 25.389610290527344,
  "summary_bg_n": 317474.0,
  "summary_bg_p05": 18.74886379241944,
  "summary_bg_p95": 109.91996841430657,
  "summary_bg_stdv": 47.2609977722168,
  "summary_fg_k": 4.038108567661107,
  "summary_fg_mad": 178.7450083419978,
  "summary_fg_mean": 546.5380859375,
  "summary_fg_median": 500.7434997558594,
  "summary_fg_n": 147501.0,
  "summary_fg_p05": 274.9934997558594,
  "summary_fg_p95": 986.3279418945312,
  "summary_fg_stdv": 231.70614624023438,
  "tsnr": 33.77274382300675
}