{
  "aor": 0.0008475728155339806,
  "aqi": 0.005410071229773462,
  "bids_meta": {
    "CogAtlasID": "https://www.cognitiveatlas.org/task/id/trm_4c8991fadfe01",
    "DeviceSerialNumber": "66018",
    "DwellTime": 4.2e-06,
    "EchoTime": 0.039,
    "EffectiveEchoSpacing": 0.000929976,
    "FlipAngle": 50,
    "InstitutionAddress": "Washington Rd, Princeton, NJ 08540, USA",
    "InstitutionName": "Princeton University",
    "InstitutionalDepartmentName": "Princeton Neuroscience Institute",
    "MagneticFieldStrength": 3,
    "Manufacturer": "Siemens",
    "ManufacturersModelName": "Prisma",
    "NumberOfVolumesDiscardedByScanner": 3,
    "ParallelReductionType": "GRAPPA",
    "PartialFourier": 0.75,
    "PhaseEncodingDirection": "j-",
    "PixelBandwidth": 1240,
    "PulseSequenceDetails": "%CustomerSeq%_ep2d_bold_sms_mgh_v22",
    "PulseSequenceType": "Gradient Echo EPI",
    "ReceiveCoilActiveElements": "HC1-7;NC1,2",
    "ReceiveCoilName": "HeadNeck_64",
    "RepetitionTime": 1.5,
    "ScanOptions": "PFP_FS",
    "ScanningSequence": "EP",
    "SequenceName": "epfSM2d1_96",
    "SequenceVariant": "SK",
    "SliceTiming": [
      0.6925,
      0,
      0.79,
      0.1,
      0.8875,
      0.1975,
      0.9875,
      0.2975,
      1.085,
      0.395,
      1.185,
      0.495,
      1.2825,
      0.5925,
      1.3825,
      0.6925,
      0,
      0.79,
      0.1,
      0.8875,
      0.1975,
      0.9875,
      0.2975,
      1.085,
      0.395,
      1.185,
      0.495,
      1.2825,
      0.5925,
      1.3825,
      0.6925,
      0,
      0.79,
      0.1,
      0.8875,
      0.1975,
      0.9875,
      0.2975,
      1.085,
      0.395,
      1.185,
      0.495,
      1.2825,
      0.5925,
      1.3825,
      0.6925,
      0,
      0.79,
      0.1,
      0.8875,
      0.1975,
      0.9875,
      0.2975,
      1.085,
      0.395,
      1.185,
      0.495,
      1.2825,
      0.5925,
      1.3825
    ],
    "SoftwareVersions": "syngo_MR_D13D",
    "StationName": "AWP66018",
    "TaskDescription": "Passively listened to audio story 'shapesphysical'",
    "TaskName": "shapesphysical",
    "TotalReadoutTime": 0.0883478,
    "dataset": "ds002345",
    "modality": "bold",
    "subject_id": "253",
    "task_id": "shapesphysical"
  },
  "dummy_trs": 1,
  "dvars_nstd": 30.325857762922062,
  "dvars_std": 1.0601124135389617,
  "dvars_vstd": 0.9763974491558437,
  "efc": 0.5713784293005214,
  "fber": 359.69232177734375,
  "fd_mean": 0.07500583529052642,
  "fd_num": 0,
  "fd_perc": 0.0,
  "fwhm_avg": 2.82282,
  "fwhm_x": 2.655115,
  "fwhm_y": 3.026165,
  "fwhm_z": 2.78718,
  "gcor": 0.0184725,
  "gsr_x": 0.002974451519548893,
  "gsr_y": 0.048586633056402206,
  "provenance": {
    "md5sum": "9f8f5af5495ca78a5776052d5f61eb30",
    "settings": {
      "fd_thres": 0.2,
      "testing": false
    },
    "software": "mriqc",
    "version": "22.0.0rc1",
    "webapi_port": null,
    "webapi_url": "https://mriqc.nimh.nih.gov/api/v1"
  },
  "size_t": 309,
  "size_x": 96,
  "size_y": 96,
  "size_z": 60,
  "snr": 2.1099851106150025,
  "spacing_tr": 1.5,
  "spacing_x": 2.0,
  "spacing_y": 2.0,
  "spacing_z": 2.0,
  "summary_bg_k": 59.34630584635271,
  "summary_bg_mad": 7.561749784790578,
  "summary_bg_mean": 41.662567138671875,
  "summary_bg_median": 26.106796264648438,
  "summary_bg_n": 315033.0,
  "summary_bg_p05": 19.55339813232422,
  "summary_bg_p95": 110.93139343261696,
  "summary_bg_stdv": 47.81561279296875,
  "summary_fg_k": 4.239751448316409,
  "summary_fg_mad": 183.17096145529234,
  "summary_fg_mean": 559.1995849609375,
  "summary_fg_median": 509.63916015625,
  "summary_fg_n": 149068.0,
  "summary_fg_p05": 281.73723754882815,
  "summary_fg_p95": 1024.6990356445308,
  "summary_fg_stdv": 241.53604125976562,
  "tsnr": 41.54615946346894
}