{
  "aor": 0.0006540569395017794,
  "aqi": 0.018006789266014237,
  "bids_meta": {
    "CogAtlasID": "https://www.cognitiveatlas.org/task/id/trm_4c8991fadfe01",
    "DeviceSerialNumber": "45031",
    "DwellTime": 4.9e-06,
    "EchoTime": 0.028,
    "EffectiveEchoSpacing": 0.000355001,
    "FlipAngle": 64,
    "InstitutionAddress": "Washington Rd, Princeton, NJ 08540, USA",
    "InstitutionName": "Princeton University",
    "InstitutionalDepartmentName": "Princeton Neuroscience Institute",
    "MagneticFieldStrength": 3,
    "Manufacturer": "Siemens",
    "ManufacturersModelName": "Skyra",
    "NumberOfVolumesDiscardedByScanner": 3,
    "ParallelReductionFactorInPlane": 2,
    "ParallelReductionType": "GRAPPA",
    "PartialFourier": 1,
    "PhaseEncodingDirection": "j-",
    "PixelBandwidth": 1595,
    "PulseSequenceDetails": "%SiemensSeq%_ep2d_bold",
    "PulseSequenceType": "Gradient Echo EPI",
    "ReceiveCoilActiveElements": "HE1-4",
    "ReceiveCoilName": "HeadNeck_20",
    "RepetitionTime": 1.5,
    "ScanOptions": "FS",
    "ScanningSequence": "EP",
    "SequenceName": "_epfid2d1_64",
    "SequenceVariant": "SK",
    "SliceTiming": [
      0,
      0.7675,
      0.055,
      0.8225,
      0.11,
      0.8775,
      0.165,
      0.9325,
      0.22,
      0.9875,
      0.275,
      1.0425,
      0.33,
      1.0975,
      0.385,
      1.1525,
      0.44,
      1.2075,
      0.495,
      1.2625,
      0.55,
      1.315,
      0.6025,
      1.37,
      0.6575,
      1.425,
      0.7125
    ],
    "SoftwareVersions": "syngo_MR_E11",
    "StationName": "AWP45031",
    "TaskDescription": "Passively listened to audio story '21styear'",
    "TaskName": "21styear",
    "TotalReadoutTime": 0.022365,
    "dataset": "ds002345",
    "modality": "bold",
    "subject_id": "256",
    "task_id": "21styear"
  },
  "dummy_trs": 1,
  "dvars_nstd": 22.72729718570536,
  "dvars_std": 1.1434348859724082,
  "dvars_vstd": 0.9763586644948835,
  "efc": 0.5882068392677267,
  "fber": 1801.3184814453125,
  "fd_mean": 0.16383029748787203,
  "fd_num": 499,
  "fd_perc": 22.197508896797153,
  "fwhm_avg": 1.6595674999999999,
  "fwhm_x": 1.6179133333333333,
  "fwhm_y": 1.9042566666666667,
  "fwhm_z": 1.4565325,
  "gcor": 0.0124869,
  "gsr_x": -0.0024614830035716295,
  "gsr_y": 0.04959949105978012,
  "provenance": {
    "md5sum": "7a90f4714f86a4e9fb08ad506ec8aded",
    "settings": {
      "fd_thres": 0.2,
      "testing": false
    },
    "software": "mriqc",
    "version": "22.0.0rc1",
    "webapi_port": null,
    "webapi_url": "https://mriqc.nimh.nih.gov/api/v1"
  },
  "size_t": 2248,
  "size_x": 64,
  "size_y": 64,
  "size_z": 27,
  "snr": 7.414512552293923,
  "spacing_tr": 1.5,
  "spacing_x": 3.0,
  "spacing_y": 3.0,
  "spacing_z": 4.0,
  "summary_bg_k": 20.527313069931438,
  "summary_bg_mad": 12.435259370707914,
  "summary_bg_mean": 43.96427536010742,
  "summary_bg_median": 16.704626083374023,
  "summary_bg_n": 55355.0,
  "summary_bg_p05": 6.790925025939941,
  "summary_bg_p95": 181.25257568359348,
  "summary_bg_stdv": 76.89554595947266,
  "summary_fg_k": 2.405863141946212,
  "summary_fg_mad": 92.80172310544309,
  "summary_fg_mean": 734.235595703125,
  "summary_fg_median": 727.01025390625,
  "summary_fg_n": 26843.0,
  "summary_fg_p05": 599.633203125,
  "summary_fg_p95": 896.0584228515621,
  "summary_fg_stdv": 98.05050659179688,
  "tsnr": 48.62846715271007
}