{
  "aor": 0.001575263157894737,
  "aqi": 0.02602463052631579,
  "bids_meta": {
    "CogAtlasID": "https://www.cognitiveatlas.org/task/id/trm_4c8991fadfe01",
    "DeviceSerialNumber": "45031",
    "DwellTime": 5.4e-06,
    "EchoTime": 0.028,
    "EffectiveEchoSpacing": 0.000390001,
    "FlipAngle": 64,
    "InstitutionAddress": "Washington Rd, Princeton, NJ 08540, USA",
    "InstitutionName": "Princeton University",
    "InstitutionalDepartmentName": "Princeton Neuroscience Institute",
    "MagneticFieldStrength": 3,
    "Manufacturer": "Siemens",
    "ManufacturersModelName": "Skyra",
    "NumberOfVolumesDiscardedByScanner": 3,
    "ParallelReductionFactorInPlane": 2,
    "ParallelReductionType": "GRAPPA",
    "PartialFourier": 1,
    "PhaseEncodingDirection": "j-",
    "PixelBandwidth": 1445,
    "PulseSequenceDetails": "%SiemensSeq%_ep2d_bold",
    "PulseSequenceType": "Gradient Echo EPI",
    "ReceiveCoilActiveElements": "HE1-4",
    "ReceiveCoilName": "HeadNeck_20",
    "RepetitionTime": 1.5,
    "ScanOptions": "FS",
    "ScanningSequence": "EP",
    "SequenceName": "_epfid2d1_64",
    "SequenceVariant": "SK",
    "SliceTiming": [
      0,
      0.7775,
      0.055,
      0.8325,
      0.11,
      0.8875,
      0.165,
      0.9425,
      0.22,
      0.9975,
      0.2775,
      1.055,
      0.3325,
      1.11,
      0.3875,
      1.165,
      0.4425,
      1.22,
      0.5,
      1.2775,
      0.555,
      1.3325,
      0.61,
      1.3875,
      0.665,
      1.4425,
      0.72
    ],
    "SoftwareVersions": "syngo_MR_D11",
    "StationName": "AWP45031",
    "TaskDescription": "Passively listened to audio story 'prettymouth'",
    "TaskName": "prettymouth",
    "TotalReadoutTime": 0.0245701,
    "dataset": "ds002345",
    "modality": "bold",
    "subject_id": "105",
    "task_id": "prettymouth"
  },
  "dummy_trs": 0,
  "dvars_nstd": 22.638524779915606,
  "dvars_std": 0.9740570213080167,
  "dvars_vstd": 0.8746479315611811,
  "efc": 0.5965519960213668,
  "fber": 1460.7669677734375,
  "fd_mean": 0.1675829196732617,
  "fd_num": 66,
  "fd_perc": 13.894736842105264,
  "fwhm_avg": 1.7394101244592963,
  "fwhm_x": 1.72093,
  "fwhm_y": 1.93124,
  "fwhm_z": 1.566060373377889,
  "gcor": 0.0342537,
  "gsr_x": -0.008347843773663044,
  "gsr_y": 0.04389417916536331,
  "provenance": {
    "md5sum": "40540e3342e4d11a858626d1cba16914",
    "settings": {
      "fd_thres": 0.2,
      "testing": false
    },
    "software": "mriqc",
    "version": "22.0.0rc1",
    "webapi_port": null,
    "webapi_url": "https://mriqc.nimh.nih.gov/api/v1"
  },
  "size_t": 475,
  "size_x": 64,
  "size_y": 64,
  "size_z": 27,
  "snr": 6.735451565405769,
  "spacing_tr": 1.5,
  "spacing_x": 3.0,
  "spacing_y": 3.0,
  "spacing_z": 3.9999990463256836,
  "summary_bg_k": 20.127919460725725,
  "summary_bg_mad": 11.611116708737674,
  "summary_bg_mean": 36.53910446166992,
  "summary_bg_median": 16.572629928588867,
  "summary_bg_n": 54562.0,
  "summary_bg_p05": 6.919999599456787,
  "summary_bg_p95": 134.91083908081038,
  "summary_bg_stdv": 54.260616302490234,
  "summary_fg_k": 2.306128749697364,
  "summary_fg_mad": 86.19697635713456,
  "summary_fg_mean": 659.0925903320312,
  "summary_fg_median": 647.6884155273438,
  "summary_fg_n": 27961.0,
  "summary_fg_p05": 530.513671875,
  "summary_fg_p95": 826.5199584960938,
  "summary_fg_stdv": 96.15937805175781,
  "tsnr": 43.032740853726864
}