{
  "aor": 0.001080952380952381,
  "aqi": 0.010560728988095238,
  "bids_meta": {
    "CogAtlasID": "https://www.cognitiveatlas.org/task/id/trm_4c8991fadfe01",
    "DeviceSerialNumber": "66018",
    "DwellTime": 4.2e-06,
    "EchoTime": 0.039,
    "EffectiveEchoSpacing": 0.000929976,
    "FlipAngle": 50,
    "InstitutionAddress": "Washington Rd, Princeton, NJ 08540, USA",
    "InstitutionName": "Princeton University",
    "InstitutionalDepartmentName": "Princeton Neuroscience Institute",
    "MagneticFieldStrength": 3,
    "Manufacturer": "Siemens",
    "ManufacturersModelName": "Prisma",
    "NumberOfVolumesDiscardedByScanner": 3,
    "ParallelReductionType": "GRAPPA",
    "PartialFourier": 0.75,
    "PhaseEncodingDirection": "j-",
    "PixelBandwidth": 1240,
    "PulseSequenceDetails": "%CustomerSeq%_ep2d_bold_sms_mgh_v22",
    "PulseSequenceType": "Gradient Echo EPI",
    "ReceiveCoilActiveElements": "HC1-7;NC1,2",
    "ReceiveCoilName": "HeadNeck_64",
    "RepetitionTime": 1.5,
    "ScanOptions": "PFP_FS",
    "ScanningSequence": "EP",
    "SequenceName": "epfSM2d1_96",
    "SequenceVariant": "SK",
    "SliceTiming": [
      0.6925,
      0,
      0.79,
      0.1,
      0.8875,
      0.1975,
      0.9875,
      0.2975,
      1.085,
      0.395,
      1.185,
      0.495,
      1.2825,
      0.5925,
      1.3825,
      0.6925,
      0,
      0.79,
      0.1,
      0.8875,
      0.1975,
      0.9875,
      0.2975,
      1.085,
      0.395,
      1.185,
      0.495,
      1.2825,
      0.5925,
      1.3825,
      0.6925,
      0,
      0.79,
      0.1,
      0.8875,
      0.1975,
      0.9875,
      0.2975,
      1.085,
      0.395,
      1.185,
      0.495,
      1.2825,
      0.5925,
      1.3825,
      0.6925,
      0,
      0.79,
      0.1,
      0.8875,
      0.1975,
      0.9875,
      0.2975,
      1.085,
      0.395,
      1.185,
      0.495,
      1.2825,
      0.5925,
      1.3825
    ],
    "SoftwareVersions": "syngo_MR_D13D",
    "StationName": "AWP66018",
    "TaskDescription": "Passively listened to audio story 'schema'",
    "TaskName": "schema",
    "TotalReadoutTime": 0.0883478,
    "dataset": "ds002345",
    "modality": "bold",
    "run_id": 1,
    "subject_id": "203",
    "task_id": "schema"
  },
  "dummy_trs": 1,
  "dvars_nstd": 35.80124801572561,
  "dvars_std": 1.015651980715706,
  "dvars_vstd": 0.9646668762624255,
  "efc": 0.6225596002544018,
  "fber": 237.06427001953125,
  "fd_mean": 0.08788845082596733,
  "fd_num": 14,
  "fd_perc": 2.7777777777777777,
  "fwhm_avg": 2.771463390557372,
  "fwhm_x": 2.345925,
  "fwhm_y": 3.088285,
  "fwhm_z": 2.8801801716721163,
  "gcor": 0.0115526,
  "gsr_x": -0.023204948753118515,
  "gsr_y": 0.07582848519086838,
  "provenance": {
    "md5sum": "e11270ebf8320af142d83da4607fa7ac",
    "settings": {
      "fd_thres": 0.2,
      "testing": false
    },
    "software": "mriqc",
    "version": "22.0.0rc1",
    "webapi_port": null,
    "webapi_url": "https://mriqc.nimh.nih.gov/api/v1"
  },
  "size_t": 504,
  "size_x": 96,
  "size_y": 96,
  "size_z": 60,
  "snr": 2.467321762452313,
  "spacing_tr": 1.5,
  "spacing_x": 2.0,
  "spacing_y": 2.0,
  "spacing_z": 1.9999998807907104,
  "summary_bg_k": 76.85726260495062,
  "summary_bg_mad": 7.748361728991863,
  "summary_bg_mean": 47.28390884399414,
  "summary_bg_median": 25.980159759521484,
  "summary_bg_n": 303570.0,
  "summary_bg_p05": 19.488096237182617,
  "summary_bg_p95": 149.19267272949213,
  "summary_bg_stdv": 63.3360595703125,
  "summary_fg_k": 1.273770896448136,
  "summary_fg_mad": 151.0812743506769,
  "summary_fg_mean": 438.1976318359375,
  "summary_fg_median": 413.0317687988281,
  "summary_fg_n": 159773.0,
  "summary_fg_p05": 222.4039764404297,
  "summary_fg_p95": 746.9623413085936,
  "summary_fg_stdv": 167.40032958984375,
  "tsnr": 32.99171398859471
}