{
  "aor": 0.00935465306122449,
  "aqi": 0.022726668612244896,
  "bids_meta": {
    "CogAtlasID": "https://www.cognitiveatlas.org/task/id/trm_4c8991fadfe01",
    "DeviceSerialNumber": "66018",
    "DwellTime": 4.2e-06,
    "EchoTime": 0.039,
    "EffectiveEchoSpacing": 0.000929976,
    "FlipAngle": 50,
    "InstitutionAddress": "Washington Rd, Princeton, NJ 08540, USA",
    "InstitutionName": "Princeton University",
    "InstitutionalDepartmentName": "Princeton Neuroscience Institute",
    "MagneticFieldStrength": 3,
    "Manufacturer": "Siemens",
    "ManufacturersModelName": "Prisma",
    "NumberOfVolumesDiscardedByScanner": 3,
    "ParallelReductionType": "GRAPPA",
    "PartialFourier": 0.75,
    "PhaseEncodingDirection": "j-",
    "PixelBandwidth": 1240,
    "PulseSequenceDetails": "%CustomerSeq%_ep2d_bold_sms_mgh_v22",
    "PulseSequenceType": "Gradient Echo EPI",
    "ReceiveCoilActiveElements": "HC1-7;NC1,2",
    "ReceiveCoilName": "HeadNeck_64",
    "RepetitionTime": 1.5,
    "ScanOptions": "PFP_FS",
    "ScanningSequence": "EP",
    "SequenceName": "epfSM2d1_96",
    "SequenceVariant": "SK",
    "SliceTiming": [
      0.6925,
      0,
      0.79,
      0.1,
      0.8875,
      0.1975,
      0.9875,
      0.2975,
      1.085,
      0.395,
      1.185,
      0.495,
      1.2825,
      0.5925,
      1.3825,
      0.6925,
      0,
      0.79,
      0.1,
      0.8875,
      0.1975,
      0.9875,
      0.2975,
      1.085,
      0.395,
      1.185,
      0.495,
      1.2825,
      0.5925,
      1.3825,
      0.6925,
      0,
      0.79,
      0.1,
      0.8875,
      0.1975,
      0.9875,
      0.2975,
      1.085,
      0.395,
      1.185,
      0.495,
      1.2825,
      0.5925,
      1.3825,
      0.6925,
      0,
      0.79,
      0.1,
      0.8875,
      0.1975,
      0.9875,
      0.2975,
      1.085,
      0.395,
      1.185,
      0.495,
      1.2825,
      0.5925,
      1.3825
    ],
    "SoftwareVersions": "syngo_MR_D13D",
    "StationName": "AWP66018",
    "TaskDescription": "Passively listened to audio story 'schema'",
    "TaskName": "schema",
    "TotalReadoutTime": 0.0883478,
    "dataset": "ds002345",
    "modality": "bold",
    "run_id": 2,
    "subject_id": "203",
    "task_id": "schema"
  },
  "dummy_trs": 1,
  "dvars_nstd": 45.36257500842534,
  "dvars_std": 0.9800473344580776,
  "dvars_vstd": 0.975939662269938,
  "efc": 0.6244757650715517,
  "fber": 227.49205017089844,
  "fd_mean": 0.2505775524072231,
  "fd_num": 74,
  "fd_perc": 15.10204081632653,
  "fwhm_avg": 2.84755339247992,
  "fwhm_x": 2.39774,
  "fwhm_y": 3.167975,
  "fwhm_z": 2.97694517743976,
  "gcor": 0.0200872,
  "gsr_x": -0.02195027470588684,
  "gsr_y": 0.07673045992851257,
  "provenance": {
    "md5sum": "a69779b952ff20ec80ec91a5257cf51b",
    "settings": {
      "fd_thres": 0.2,
      "testing": false
    },
    "software": "mriqc",
    "version": "22.0.0rc1",
    "webapi_port": null,
    "webapi_url": "https://mriqc.nimh.nih.gov/api/v1"
  },
  "size_t": 490,
  "size_x": 96,
  "size_y": 96,
  "size_z": 60,
  "snr": 2.4740191372620375,
  "spacing_tr": 1.5,
  "spacing_x": 2.0,
  "spacing_y": 2.0,
  "spacing_z": 1.9999998807907104,
  "summary_bg_k": 71.54694708480461,
  "summary_bg_mad": 8.121025705210167,
  "summary_bg_mean": 47.87535858154297,
  "summary_bg_median": 26.55510139465332,
  "summary_bg_n": 303027.0,
  "summary_bg_p05": 19.73265266418457,
  "summary_bg_p95": 149.41121368408216,
  "summary_bg_stdv": 62.93894577026367,
  "summary_fg_k": 1.309764230715862,
  "summary_fg_mad": 151.3252603267295,
  "summary_fg_mean": 438.42572021484375,
  "summary_fg_median": 413.5295715332031,
  "summary_fg_n": 160358.0,
  "summary_fg_p05": 222.15887298583985,
  "summary_fg_p95": 746.835269165039,
  "summary_fg_stdv": 167.14837646484375,
  "tsnr": 22.444923119503073
}