{
  "aor": 0.0025236767676767675,
  "aqi": 0.011483705030303031,
  "bids_meta": {
    "CogAtlasID": "https://www.cognitiveatlas.org/task/id/trm_4c8991fadfe01",
    "DeviceSerialNumber": "66018",
    "DwellTime": 4.2e-06,
    "EchoTime": 0.039,
    "EffectiveEchoSpacing": 0.000929976,
    "FlipAngle": 50,
    "InstitutionAddress": "Washington Rd, Princeton, NJ 08540, USA",
    "InstitutionName": "Princeton University",
    "InstitutionalDepartmentName": "Princeton Neuroscience Institute",
    "MagneticFieldStrength": 3,
    "Manufacturer": "Siemens",
    "ManufacturersModelName": "Prisma",
    "NumberOfVolumesDiscardedByScanner": 3,
    "ParallelReductionType": "GRAPPA",
    "PartialFourier": 0.75,
    "PhaseEncodingDirection": "j-",
    "PixelBandwidth": 1240,
    "PulseSequenceDetails": "%CustomerSeq%_ep2d_bold_sms_mgh_v22",
    "PulseSequenceType": "Gradient Echo EPI",
    "ReceiveCoilActiveElements": "HC1-7;NC1,2",
    "ReceiveCoilName": "HeadNeck_64",
    "RepetitionTime": 1.5,
    "ScanOptions": "PFP_FS",
    "ScanningSequence": "EP",
    "SequenceName": "epfSM2d1_96",
    "SequenceVariant": "SK",
    "SliceTiming": [
      0.6925,
      0,
      0.79,
      0.1,
      0.8875,
      0.1975,
      0.9875,
      0.2975,
      1.085,
      0.395,
      1.185,
      0.495,
      1.2825,
      0.5925,
      1.3825,
      0.6925,
      0,
      0.79,
      0.1,
      0.8875,
      0.1975,
      0.9875,
      0.2975,
      1.085,
      0.395,
      1.185,
      0.495,
      1.2825,
      0.5925,
      1.3825,
      0.6925,
      0,
      0.79,
      0.1,
      0.8875,
      0.1975,
      0.9875,
      0.2975,
      1.085,
      0.395,
      1.185,
      0.495,
      1.2825,
      0.5925,
      1.3825,
      0.6925,
      0,
      0.79,
      0.1,
      0.8875,
      0.1975,
      0.9875,
      0.2975,
      1.085,
      0.395,
      1.185,
      0.495,
      1.2825,
      0.5925,
      1.3825
    ],
    "SoftwareVersions": "syngo_MR_D13D",
    "StationName": "AWP66018",
    "TaskDescription": "Passively listened to audio story 'schema'",
    "TaskName": "schema",
    "TotalReadoutTime": 0.0883478,
    "dataset": "ds002345",
    "modality": "bold",
    "run_id": 3,
    "subject_id": "203",
    "task_id": "schema"
  },
  "dummy_trs": 0,
  "dvars_nstd": 38.23832297997977,
  "dvars_std": 1.0395603276923069,
  "dvars_vstd": 0.975846297004049,
  "efc": 0.6331222185869148,
  "fber": 186.74249267578125,
  "fd_mean": 0.09530509550380355,
  "fd_num": 26,
  "fd_perc": 5.252525252525253,
  "fwhm_avg": 2.7713300000000003,
  "fwhm_x": 2.425495,
  "fwhm_y": 3.065665,
  "fwhm_z": 2.82283,
  "gcor": 0.00960287,
  "gsr_x": -0.025917725637555122,
  "gsr_y": 0.062340378761291504,
  "provenance": {
    "md5sum": "cc6d84a817cfebefca8354732e6bd33a",
    "settings": {
      "fd_thres": 0.2,
      "testing": false
    },
    "software": "mriqc",
    "version": "22.0.0rc1",
    "webapi_port": null,
    "webapi_url": "https://mriqc.nimh.nih.gov/api/v1"
  },
  "size_t": 495,
  "size_x": 96,
  "size_y": 96,
  "size_z": 60,
  "snr": 2.460570059527499,
  "spacing_tr": 1.5,
  "spacing_x": 2.0,
  "spacing_y": 2.0,
  "spacing_z": 2.0,
  "summary_bg_k": 42.858286941946,
  "summary_bg_mad": 7.904218092808956,
  "summary_bg_mean": 54.93232727050781,
  "summary_bg_median": 30.377779006958008,
  "summary_bg_n": 301821.0,
  "summary_bg_p05": 23.868688583374023,
  "summary_bg_p95": 173.15960693359375,
  "summary_bg_stdv": 69.97289276123047,
  "summary_fg_k": 1.3246431985503229,
  "summary_fg_mad": 156.6616645857113,
  "summary_fg_mean": 455.269775390625,
  "summary_fg_median": 430.1131591796875,
  "summary_fg_n": 160762.0,
  "summary_fg_p05": 224.55030822753906,
  "summary_fg_p95": 775.6031555175778,
  "summary_fg_stdv": 174.80169677734375,
  "tsnr": 32.7515549918171
}