{
  "aor": 0.006581922330097087,
  "aqi": 0.021198391844660193,
  "bids_meta": {
    "CogAtlasID": "https://www.cognitiveatlas.org/task/id/trm_4c8991fadfe01",
    "DeviceSerialNumber": "66018",
    "DwellTime": 4.2e-06,
    "EchoTime": 0.039,
    "EffectiveEchoSpacing": 0.000929976,
    "FlipAngle": 50,
    "InstitutionAddress": "Washington Rd, Princeton, NJ 08540, USA",
    "InstitutionName": "Princeton University",
    "InstitutionalDepartmentName": "Princeton Neuroscience Institute",
    "MagneticFieldStrength": 3,
    "Manufacturer": "Siemens",
    "ManufacturersModelName": "Prisma",
    "NumberOfVolumesDiscardedByScanner": 3,
    "ParallelReductionType": "GRAPPA",
    "PartialFourier": 0.75,
    "PhaseEncodingDirection": "j-",
    "PixelBandwidth": 1240,
    "PulseSequenceDetails": "%CustomerSeq%_ep2d_bold_sms_mgh_v22",
    "PulseSequenceType": "Gradient Echo EPI",
    "ReceiveCoilActiveElements": "HC1-7;NC1,2",
    "ReceiveCoilName": "HeadNeck_64",
    "RepetitionTime": 1.5,
    "ScanOptions": "PFP_FS",
    "ScanningSequence": "EP",
    "SequenceName": "epfSM2d1_96",
    "SequenceVariant": "SK",
    "SliceTiming": [
      0.6925,
      0,
      0.79,
      0.1,
      0.8875,
      0.1975,
      0.9875,
      0.2975,
      1.085,
      0.395,
      1.185,
      0.495,
      1.2825,
      0.5925,
      1.3825,
      0.6925,
      0,
      0.79,
      0.1,
      0.8875,
      0.1975,
      0.9875,
      0.2975,
      1.085,
      0.395,
      1.185,
      0.495,
      1.2825,
      0.5925,
      1.3825,
      0.6925,
      0,
      0.79,
      0.1,
      0.8875,
      0.1975,
      0.9875,
      0.2975,
      1.085,
      0.395,
      1.185,
      0.495,
      1.2825,
      0.5925,
      1.3825,
      0.6925,
      0,
      0.79,
      0.1,
      0.8875,
      0.1975,
      0.9875,
      0.2975,
      1.085,
      0.395,
      1.185,
      0.495,
      1.2825,
      0.5925,
      1.3825
    ],
    "SoftwareVersions": "syngo_MR_D13D",
    "StationName": "AWP66018",
    "TaskDescription": "Passively listened to audio story 'schema'",
    "TaskName": "schema",
    "TotalReadoutTime": 0.0883478,
    "dataset": "ds002345",
    "modality": "bold",
    "run_id": 4,
    "subject_id": "203",
    "task_id": "schema"
  },
  "dummy_trs": 2,
  "dvars_nstd": 41.222487193404696,
  "dvars_std": 1.0189262735992217,
  "dvars_vstd": 0.9864406041245136,
  "efc": 0.6313230487242627,
  "fber": 201.1967010498047,
  "fd_mean": 0.1651533384255291,
  "fd_num": 57,
  "fd_perc": 11.067961165048544,
  "fwhm_avg": 2.830226666666667,
  "fwhm_x": 2.45092,
  "fwhm_y": 3.15094,
  "fwhm_z": 2.88882,
  "gcor": 0.0132819,
  "gsr_x": -0.02484428696334362,
  "gsr_y": 0.0661572515964508,
  "provenance": {
    "md5sum": "4531d1de089603164b9a68e6795e6345",
    "settings": {
      "fd_thres": 0.2,
      "testing": false
    },
    "software": "mriqc",
    "version": "22.0.0rc1",
    "webapi_port": null,
    "webapi_url": "https://mriqc.nimh.nih.gov/api/v1"
  },
  "size_t": 515,
  "size_x": 96,
  "size_y": 96,
  "size_z": 60,
  "snr": 2.4599503551799002,
  "spacing_tr": 1.5,
  "spacing_x": 2.0,
  "spacing_y": 2.0,
  "spacing_z": 2.0,
  "summary_bg_k": 47.93088681741278,
  "summary_bg_mad": 8.65954811290085,
  "summary_bg_mean": 55.095184326171875,
  "summary_bg_median": 29.761165618896484,
  "summary_bg_n": 302093.0,
  "summary_bg_p05": 22.330097198486328,
  "summary_bg_p95": 176.4256347656248,
  "summary_bg_stdv": 72.68550872802734,
  "summary_fg_k": 1.268672084061202,
  "summary_fg_mad": 158.36639923804728,
  "summary_fg_mean": 459.6872863769531,
  "summary_fg_median": 434.8135986328125,
  "summary_fg_n": 161576.0,
  "summary_fg_p05": 224.6174774169922,
  "summary_fg_p95": 782.9286499023438,
  "summary_fg_stdv": 176.7565155029297,
  "tsnr": 24.665927193826064
}