{
  "aor": 0.0004451515151515151,
  "aqi": 0.005518989966329967,
  "bids_meta": {
    "CogAtlasID": "https://www.cognitiveatlas.org/task/id/trm_4c8991fadfe01",
    "DeviceSerialNumber": "45031",
    "DwellTime": 5.4e-06,
    "EchoTime": 0.028,
    "EffectiveEchoSpacing": 0.000390001,
    "FlipAngle": 64,
    "InstitutionAddress": "Washington Rd, Princeton, NJ 08540, USA",
    "InstitutionName": "Princeton University",
    "InstitutionalDepartmentName": "Princeton Neuroscience Institute",
    "MagneticFieldStrength": 3,
    "Manufacturer": "Siemens",
    "ManufacturersModelName": "Skyra",
    "NumberOfVolumesDiscardedByScanner": 3,
    "ParallelReductionFactorInPlane": 2,
    "ParallelReductionType": "GRAPPA",
    "PartialFourier": 1,
    "PhaseEncodingDirection": "j-",
    "PixelBandwidth": 1445,
    "PulseSequenceDetails": "%SiemensSeq%_ep2d_bold",
    "PulseSequenceType": "Gradient Echo EPI",
    "ReceiveCoilActiveElements": "HE1-4",
    "ReceiveCoilName": "HeadNeck_20",
    "RepetitionTime": 1.5,
    "ScanOptions": "FS",
    "ScanningSequence": "EP",
    "SequenceName": "_epfid2d1_64",
    "SequenceVariant": "SK",
    "SliceTiming": [
      0,
      0.7775,
      0.055,
      0.8325,
      0.11,
      0.8875,
      0.165,
      0.9425,
      0.22,
      0.9975,
      0.2775,
      1.055,
      0.3325,
      1.11,
      0.3875,
      1.165,
      0.4425,
      1.22,
      0.5,
      1.2775,
      0.555,
      1.3325,
      0.61,
      1.3875,
      0.665,
      1.4425,
      0.72
    ],
    "SoftwareVersions": "syngo_MR_D11",
    "StationName": "AWP45031",
    "TaskDescription": "Passively listened to audio story 'milkyway'",
    "TaskName": "milkyway",
    "TotalReadoutTime": 0.0245701,
    "dataset": "ds002345",
    "modality": "bold",
    "subject_id": "112",
    "task_id": "milkyway"
  },
  "dummy_trs": 0,
  "dvars_nstd": 18.632824246891886,
  "dvars_std": 1.0792201800337833,
  "dvars_vstd": 0.9995147884121626,
  "efc": 0.5571484307775895,
  "fber": 2024.5771484375,
  "fd_mean": 0.08558684595818586,
  "fd_num": 4,
  "fd_perc": 1.3468013468013469,
  "fwhm_avg": 1.7602870312794068,
  "fwhm_x": 1.7075733333333334,
  "fwhm_y": 1.9715433333333332,
  "fwhm_z": 1.6017444271715544,
  "gcor": 0.0359567,
  "gsr_x": -0.004662501160055399,
  "gsr_y": 0.043825969099998474,
  "provenance": {
    "md5sum": "4bc5245e5a9b546caf6a4b1c03fe6bb4",
    "settings": {
      "fd_thres": 0.2,
      "testing": false
    },
    "software": "mriqc",
    "version": "22.0.0rc1",
    "webapi_port": null,
    "webapi_url": "https://mriqc.nimh.nih.gov/api/v1"
  },
  "size_t": 297,
  "size_x": 64,
  "size_y": 64,
  "size_z": 27,
  "snr": 7.084732907508847,
  "spacing_tr": 1.5,
  "spacing_x": 3.0,
  "spacing_y": 3.0,
  "spacing_z": 4.000001430511475,
  "summary_bg_k": 18.08959611392689,
  "summary_bg_mad": 9.110266109877195,
  "summary_bg_mean": 35.3344841003418,
  "summary_bg_median": 14.006733894348145,
  "summary_bg_n": 59884.0,
  "summary_bg_p05": 6.585858345031738,
  "summary_bg_p95": 143.21548461914062,
  "summary_bg_stdv": 59.85786819458008,
  "summary_fg_k": 2.0027326978843734,
  "summary_fg_mad": 88.21736574510908,
  "summary_fg_mean": 664.6866455078125,
  "summary_fg_median": 658.1312866210938,
  "summary_fg_n": 23655.0,
  "summary_fg_p05": 535.1649597167968,
  "summary_fg_p95": 817.421514892578,
  "summary_fg_stdv": 92.892333984375,
  "tsnr": 72.81620669411495
}