{
  "bids_meta": {
    "AcquisitionMatrixPE": 256,
    "BaseResolution": 256,
    "BodyPartExamined": "BRAIN",
    "ConsistencyInfo": "N4_VE11C_LATEST_20160120",
    "ConversionSoftware": "dcm2niix",
    "ConversionSoftwareVersion": "v1.0.20180328 GCC6.3.0",
    "DeviceSerialNumber": "66018",
    "DwellTime": 9.8e-06,
    "EchoTime": 0.428,
    "EchoTrainLength": 175,
    "FlipAngle": 120,
    "ImageOrientationPatientDICOM": [
      0,
      1,
      0,
      0,
      0,
      -1
    ],
    "ImageType": [
      "ORIGINAL",
      "PRIMARY",
      "M",
      "ND"
    ],
    "InPlanePhaseEncodingDirectionDICOM": "ROW",
    "InstitutionAddress": "Washington Rd, Princeton, NJ 08540, USA",
    "InstitutionName": "Princeton University",
    "InstitutionalDepartmentName": "Princeton Neuroscience Institute",
    "MRAcquisitionType": "3D",
    "MagneticFieldStrength": 3,
    "Manufacturer": "Siemens",
    "ManufacturersModelName": "Prisma",
    "Modality": "MR",
    "ParallelReductionFactorInPlane": 2,
    "ParallelReductionType": "GRAPPA",
    "PartialFourier": 1,
    "PatientPosition": "HFS",
    "PercentPhaseFOV": 100,
    "PhaseEncodingSteps": 175,
    "PhaseResolution": 1,
    "PixelBandwidth": 200,
    "ProcedureStepDescription": "Hasson_Nastase_042518_Storyteller",
    "ProtocolName": "anat-T2w",
    "PulseSequenceDetails": "%SiemensSeq%_tse_vfl",
    "ReceiveCoilActiveElements": "HC1-7;NC1",
    "ReceiveCoilName": "HeadNeck_64",
    "ReconMatrixPE": 256,
    "RepetitionTime": 3.2,
    "SAR": 0.0403591,
    "ScanOptions": "PFP",
    "ScanningSequence": "SE",
    "SequenceName": "_spc_230ns",
    "SequenceVariant": "SK_SP",
    "SeriesDescription": "anat-T2w",
    "SeriesNumber": 12,
    "ShimSetting": [
      753,
      542,
      1994,
      461,
      -94,
      -281,
      224,
      34
    ],
    "SliceThickness": 1,
    "SoftwareVersions": "syngo_MR_E11",
    "StationName": "AWP66018",
    "TxRefAmp": 228.505,
    "dataset": "ds002345",
    "modality": "T2w",
    "subject_id": "281"
  },
  "cjv": 0.7632096451627334,
  "cnr": 1.3393773611777644,
  "efc": 0.5284660624990636,
  "fber": 1315.9159308641974,
  "fwhm_avg": 2.575006666666667,
  "fwhm_x": 2.74838,
  "fwhm_y": 2.27808,
  "fwhm_z": 2.69856,
  "icvs_csf": 0.3200314161750732,
  "icvs_gm": 0.12028704381730954,
  "icvs_wm": 0.5596815400076173,
  "inu_med": 1.2836177349090576,
  "inu_range": 0.5347033143043518,
  "provenance": {
    "md5sum": "30010cf14080f8e305fb9558b91f69a2",
    "settings": {
      "testing": false
    },
    "software": "mriqc",
    "version": "22.0.0rc1",
    "warnings": {
      "large_rot_frame": true,
      "small_air_mask": false
    },
    "webapi_port": null,
    "webapi_url": "https://mriqc.nimh.nih.gov/api/v1"
  },
  "qi_1": 6.36280942978538e-06,
  "qi_2": 0.018712326283563535,
  "rpve_csf": 16.367520042266786,
  "rpve_gm": 53.02398066075745,
  "rpve_wm": 10.856338452072656,
  "size_x": 176,
  "size_y": 256,
  "size_z": 256,
  "snr_csf": 6.091832729582868,
  "snr_gm": 2.418453800293672,
  "snr_total": 5.457389344005507,
  "snr_wm": 7.8618815021399815,
  "snrd_csf": 51.184102637848454,
  "snrd_gm": 69.29347534133046,
  "snrd_total": 50.33422780860565,
  "snrd_wm": 30.525105446638015,
  "spacing_x": 1.0,
  "spacing_y": 1.0,
  "spacing_z": 1.0,
  "summary_bg_k": 7.5331470027934415,
  "summary_bg_mad": 21.464965220957136,
  "summary_bg_mean": 38.33227110124516,
  "summary_bg_median": 28.82767505943775,
  "summary_bg_n": 3689507.0,
  "summary_bg_p05": 0.0,
  "summary_bg_p95": 130.0448452681303,
  "summary_bg_stdv": 45.54643264794799,
  "summary_csf_k": 0.22512366868571743,
  "summary_csf_mad": 275.435394428211,
  "summary_csf_mean": 1704.3852125146632,
  "summary_csf_median": 1677.0019504576921,
  "summary_csf_n": 19551.0,
  "summary_csf_p05": 1316.0153972133994,
  "summary_csf_p95": 2209.224893555045,
  "summary_csf_stdv": 275.27989300887947,
  "summary_gm_k": 0.2106408713042356,
  "summary_gm_mad": 860.5931410048345,
  "summary_gm_mean": 2304.772010705028,
  "summary_gm_median": 2270.339564681053,
  "summary_gm_n": 6508.0,
  "summary_gm_p05": 688.0333237186074,
  "summary_gm_p95": 3939.987254923581,
  "summary_gm_stdv": 938.6845144110631,
  "summary_wm_k": 1.3951090376973099,
  "summary_wm_mad": 108.84446966025166,
  "summary_wm_mean": 997.2022124993448,
  "summary_wm_median": 1000.1281400620937,
  "summary_wm_n": 225438.0,
  "summary_wm_p05": 780.0128256082535,
  "summary_wm_p95": 1195.5157154649496,
  "summary_wm_stdv": 127.21203208144246,
  "tpm_overlap_csf": 0.12000608444213867,
  "tpm_overlap_gm": 0.08570042997598648,
  "tpm_overlap_wm": 0.44890889525413513,
  "wm2max": 0.2510358323420315
}