{
  "aor": 0.0006304207119741101,
  "aqi": 0.003918488025889968,
  "bids_meta": {
    "CogAtlasID": "https://www.cognitiveatlas.org/task/id/trm_4c8991fadfe01",
    "DeviceSerialNumber": "66018",
    "DwellTime": 4.2e-06,
    "EchoTime": 0.039,
    "EffectiveEchoSpacing": 0.000929976,
    "FlipAngle": 50,
    "InstitutionAddress": "Washington Rd, Princeton, NJ 08540, USA",
    "InstitutionName": "Princeton University",
    "InstitutionalDepartmentName": "Princeton Neuroscience Institute",
    "MagneticFieldStrength": 3,
    "Manufacturer": "Siemens",
    "ManufacturersModelName": "Prisma",
    "NumberOfVolumesDiscardedByScanner": 3,
    "ParallelReductionType": "GRAPPA",
    "PartialFourier": 0.75,
    "PhaseEncodingDirection": "j-",
    "PixelBandwidth": 1240,
    "PulseSequenceDetails": "%CustomerSeq%_ep2d_bold_sms_mgh_v22",
    "PulseSequenceType": "Gradient Echo EPI",
    "ReceiveCoilActiveElements": "HC1-7;NC1,2",
    "ReceiveCoilName": "HeadNeck_64",
    "RepetitionTime": 1.5,
    "ScanOptions": "PFP_FS",
    "ScanningSequence": "EP",
    "SequenceName": "epfSM2d1_96",
    "SequenceVariant": "SK",
    "SliceTiming": [
      0.6925,
      0,
      0.79,
      0.1,
      0.8875,
      0.1975,
      0.9875,
      0.2975,
      1.085,
      0.395,
      1.185,
      0.495,
      1.2825,
      0.5925,
      1.3825,
      0.6925,
      0,
      0.79,
      0.1,
      0.8875,
      0.1975,
      0.9875,
      0.2975,
      1.085,
      0.395,
      1.185,
      0.495,
      1.2825,
      0.5925,
      1.3825,
      0.6925,
      0,
      0.79,
      0.1,
      0.8875,
      0.1975,
      0.9875,
      0.2975,
      1.085,
      0.395,
      1.185,
      0.495,
      1.2825,
      0.5925,
      1.3825,
      0.6925,
      0,
      0.79,
      0.1,
      0.8875,
      0.1975,
      0.9875,
      0.2975,
      1.085,
      0.395,
      1.185,
      0.495,
      1.2825,
      0.5925,
      1.3825
    ],
    "SoftwareVersions": "syngo_MR_D13D",
    "StationName": "AWP66018",
    "TaskDescription": "Passively listened to audio story 'shapesphysical'",
    "TaskName": "shapesphysical",
    "TotalReadoutTime": 0.0883478,
    "dataset": "ds002345",
    "modality": "bold",
    "subject_id": "245",
    "task_id": "shapesphysical"
  },
  "dummy_trs": 1,
  "dvars_nstd": 34.73758572399351,
  "dvars_std": 1.1330556277922077,
  "dvars_vstd": 1.0010946615909082,
  "efc": 0.5940863752990585,
  "fber": 352.98004150390625,
  "fd_mean": 0.10531279125528704,
  "fd_num": 3,
  "fd_perc": 0.970873786407767,
  "fwhm_avg": 3.0628499999999996,
  "fwhm_x": 2.82311,
  "fwhm_y": 3.256405,
  "fwhm_z": 3.109035,
  "gcor": 0.0114509,
  "gsr_x": -0.010779491625726223,
  "gsr_y": 0.07336612790822983,
  "provenance": {
    "md5sum": "41a88517d5ba4b0312308ef186faeb04",
    "settings": {
      "fd_thres": 0.2,
      "testing": false
    },
    "software": "mriqc",
    "version": "22.0.0rc1",
    "webapi_port": null,
    "webapi_url": "https://mriqc.nimh.nih.gov/api/v1"
  },
  "size_t": 309,
  "size_x": 96,
  "size_y": 96,
  "size_z": 60,
  "snr": 2.130674773803099,
  "spacing_tr": 1.5,
  "spacing_x": 2.0,
  "spacing_y": 2.0,
  "spacing_z": 2.0,
  "summary_bg_k": 53.98462255443776,
  "summary_bg_mad": 7.197097077350172,
  "summary_bg_mean": 45.5653190612793,
  "summary_bg_median": 25.954692840576172,
  "summary_bg_n": 299887.0,
  "summary_bg_p05": 19.637540817260742,
  "summary_bg_p95": 141.30130310058604,
  "summary_bg_stdv": 55.4470329284668,
  "summary_fg_k": 2.230939797619005,
  "summary_fg_mad": 212.85420254872164,
  "summary_fg_mean": 549.0901489257812,
  "summary_fg_median": 507.31231689453125,
  "summary_fg_n": 161948.0,
  "summary_fg_p05": 254.860359954834,
  "summary_fg_p95": 986.9492126464843,
  "summary_fg_stdv": 238.0986328125,
  "tsnr": 44.92032698588446
}