{
  "aor": 0.0039000824175824175,
  "aqi": 0.020162590343406596,
  "bids_meta": {
    "CogAtlasID": "https://www.cognitiveatlas.org/task/id/trm_4c8991fadfe01",
    "DeviceSerialNumber": "45031",
    "DwellTime": 4.9e-06,
    "EchoTime": 0.028,
    "EffectiveEchoSpacing": 0.000355001,
    "FlipAngle": 64,
    "InstitutionAddress": "Washington Rd, Princeton, NJ 08540, USA",
    "InstitutionName": "Princeton University",
    "InstitutionalDepartmentName": "Princeton Neuroscience Institute",
    "MagneticFieldStrength": 3,
    "Manufacturer": "Siemens",
    "ManufacturersModelName": "Skyra",
    "NumberOfVolumesDiscardedByScanner": 3,
    "ParallelReductionFactorInPlane": 2,
    "ParallelReductionType": "GRAPPA",
    "PartialFourier": 1,
    "PhaseEncodingDirection": "j-",
    "PixelBandwidth": 1595,
    "PulseSequenceDetails": "%SiemensSeq%_ep2d_bold",
    "PulseSequenceType": "Gradient Echo EPI",
    "ReceiveCoilActiveElements": "HE1-4",
    "ReceiveCoilName": "HeadNeck_20",
    "RepetitionTime": 1.5,
    "ScanOptions": "FS",
    "ScanningSequence": "EP",
    "SequenceName": "_epfid2d1_64",
    "SequenceVariant": "SK",
    "SliceTiming": [
      0,
      0.7675,
      0.055,
      0.8225,
      0.1075,
      0.875,
      0.1625,
      0.93,
      0.2175,
      0.985,
      0.2725,
      1.04,
      0.3275,
      1.095,
      0.3825,
      1.15,
      0.4375,
      1.205,
      0.4925,
      1.26,
      0.5475,
      1.315,
      0.6025,
      1.37,
      0.6575,
      1.425,
      0.7125
    ],
    "SoftwareVersions": "syngo_MR_D13",
    "StationName": "AWP45031",
    "TaskDescription": "Passively listened to audio story 'sherlock'",
    "TaskName": "sherlock",
    "TotalReadoutTime": 0.022365,
    "dataset": "ds002345",
    "modality": "bold",
    "subject_id": "168",
    "task_id": "sherlock"
  },
  "dummy_trs": 0,
  "dvars_nstd": 21.920516162393394,
  "dvars_std": 1.0954511168638241,
  "dvars_vstd": 1.019292404181568,
  "efc": 0.5507635941094483,
  "fber": 2226.72119140625,
  "fd_mean": 0.21093141078940944,
  "fd_num": 202,
  "fd_perc": 27.747252747252748,
  "fwhm_avg": 1.7080230555555556,
  "fwhm_x": 1.69588,
  "fwhm_y": 1.8870066666666665,
  "fwhm_z": 1.5411825,
  "gcor": 0.0209689,
  "gsr_x": 0.0036763534881174564,
  "gsr_y": 0.01923518069088459,
  "provenance": {
    "md5sum": "8a907a382933e013290a905c1e7524c7",
    "settings": {
      "fd_thres": 0.2,
      "testing": false
    },
    "software": "mriqc",
    "version": "22.0.0rc1",
    "webapi_port": null,
    "webapi_url": "https://mriqc.nimh.nih.gov/api/v1"
  },
  "size_t": 728,
  "size_x": 64,
  "size_y": 64,
  "size_z": 27,
  "snr": 7.468866079135415,
  "spacing_tr": 1.5,
  "spacing_x": 3.0,
  "spacing_y": 3.0,
  "spacing_z": 4.0,
  "summary_bg_k": 25.76455909058231,
  "summary_bg_mad": 6.920168187203641,
  "summary_bg_mean": 27.850635528564453,
  "summary_bg_median": 13.093406677246094,
  "summary_bg_n": 59227.0,
  "summary_bg_p05": 7.109890460968018,
  "summary_bg_p95": 96.73338394165016,
  "summary_bg_stdv": 44.59661865234375,
  "summary_fg_k": 3.179141650402406,
  "summary_fg_mad": 80.9932995642168,
  "summary_fg_mean": 640.9030151367188,
  "summary_fg_median": 635.1689453125,
  "summary_fg_n": 23743.0,
  "summary_fg_p05": 525.6816101074219,
  "summary_fg_p95": 774.7193786621094,
  "summary_fg_stdv": 85.0404281616211,
  "tsnr": 46.91722650191514
}