{
  "aor": 0.000569548076923077,
  "aqi": 0.008654835875,
  "bids_meta": {
    "CogAtlasID": "https://www.cognitiveatlas.org/task/id/trm_4c8991fadfe01",
    "DeviceSerialNumber": "45031",
    "DwellTime": 5.4e-06,
    "EchoTime": 0.028,
    "EffectiveEchoSpacing": 0.000390001,
    "FlipAngle": 64,
    "InstitutionAddress": "Washington Rd, Princeton, NJ 08540, USA",
    "InstitutionName": "Princeton University",
    "InstitutionalDepartmentName": "Princeton Neuroscience Institute",
    "MagneticFieldStrength": 3,
    "Manufacturer": "Siemens",
    "ManufacturersModelName": "Skyra",
    "NumberOfVolumesDiscardedByScanner": 3,
    "ParallelReductionFactorInPlane": 2,
    "ParallelReductionType": "GRAPPA",
    "PartialFourier": 1,
    "PhaseEncodingDirection": "j-",
    "PixelBandwidth": 1445,
    "PulseSequenceDetails": "%SiemensSeq%_ep2d_bold",
    "PulseSequenceType": "Gradient Echo EPI",
    "ReceiveCoilActiveElements": "HE1-4",
    "ReceiveCoilName": "HeadNeck_20",
    "RepetitionTime": 1.5,
    "ScanOptions": "FS",
    "ScanningSequence": "EP",
    "SequenceName": "_epfid2d1_64",
    "SequenceVariant": "SK",
    "SliceTiming": [
      0,
      0.7775,
      0.055,
      0.8325,
      0.1125,
      0.89,
      0.1675,
      0.945,
      0.2225,
      1,
      0.2775,
      1.055,
      0.3325,
      1.11,
      0.39,
      1.1675,
      0.445,
      1.2225,
      0.5,
      1.2775,
      0.555,
      1.3325,
      0.6125,
      1.39,
      0.6675,
      1.445,
      0.7225
    ],
    "SoftwareVersions": "syngo_MR_D11",
    "StationName": "AWP45031",
    "TaskDescription": "Passively listened to audio story 'tunnel'",
    "TaskName": "tunnel",
    "TotalReadoutTime": 0.0245701,
    "dataset": "ds002345",
    "modality": "bold",
    "subject_id": "052",
    "task_id": "tunnel"
  },
  "dummy_trs": 0,
  "dvars_nstd": 20.441284809316674,
  "dvars_std": 1.190963174937439,
  "dvars_vstd": 0.9751054959480276,
  "efc": 0.584325012309218,
  "fber": 1768.4595947265625,
  "fd_mean": 0.10588627622765413,
  "fd_num": 23,
  "fd_perc": 2.2115384615384617,
  "fwhm_avg": 1.7783236111111111,
  "fwhm_x": 1.74965,
  "fwhm_y": 1.9753233333333335,
  "fwhm_z": 1.6099975,
  "gcor": 0.131602,
  "gsr_x": -0.0005480955587700009,
  "gsr_y": 0.03113645128905773,
  "provenance": {
    "md5sum": "b01bf6dcced3b73849b7132500178511",
    "settings": {
      "fd_thres": 0.2,
      "testing": false
    },
    "software": "mriqc",
    "version": "21.0.0rc2",
    "webapi_port": null,
    "webapi_url": "https://mriqc.nimh.nih.gov/api/v1"
  },
  "size_t": 1040,
  "size_x": 64,
  "size_y": 64,
  "size_z": 27,
  "snr": 7.5445012562959235,
  "spacing_tr": 1.5,
  "spacing_x": 3.0,
  "spacing_y": 3.0,
  "spacing_z": 4.0,
  "summary_bg_k": 19.9504710398218,
  "summary_bg_mad": 12.780315151699034,
  "summary_bg_mean": 39.40918731689453,
  "summary_bg_median": 17.15096092224121,
  "summary_bg_n": 55799.0,
  "summary_bg_p05": 6.75182695388794,
  "summary_bg_p95": 145.8757736206052,
  "summary_bg_stdv": 63.36781692504883,
  "summary_fg_k": 1.952346718738089,
  "summary_fg_mad": 94.01982054583029,
  "summary_fg_mean": 755.6777954101562,
  "summary_fg_median": 749.0220947265625,
  "summary_fg_n": 26685.0,
  "summary_fg_p05": 614.9078735351562,
  "summary_fg_p95": 920.4546142578125,
  "summary_fg_stdv": 99.27867126464844,
  "tsnr": 63.60792064899579
}