{
  "aor": 0.0015546127946127948,
  "aqi": 0.006216173703703704,
  "bids_meta": {
    "CogAtlasID": "https://www.cognitiveatlas.org/task/id/trm_4c8991fadfe01",
    "DeviceSerialNumber": "45031",
    "DwellTime": 5.4e-06,
    "EchoTime": 0.028,
    "EffectiveEchoSpacing": 0.000390001,
    "FlipAngle": 64,
    "InstitutionAddress": "Washington Rd, Princeton, NJ 08540, USA",
    "InstitutionName": "Princeton University",
    "InstitutionalDepartmentName": "Princeton Neuroscience Institute",
    "MagneticFieldStrength": 3,
    "Manufacturer": "Siemens",
    "ManufacturersModelName": "Skyra",
    "NumberOfVolumesDiscardedByScanner": 3,
    "ParallelReductionFactorInPlane": 2,
    "ParallelReductionType": "GRAPPA",
    "PartialFourier": 1,
    "PhaseEncodingDirection": "j-",
    "PixelBandwidth": 1445,
    "PulseSequenceDetails": "%SiemensSeq%_ep2d_bold",
    "PulseSequenceType": "Gradient Echo EPI",
    "ReceiveCoilActiveElements": "HE1-4",
    "ReceiveCoilName": "HeadNeck_20",
    "RepetitionTime": 1.5,
    "ScanOptions": "FS",
    "ScanningSequence": "EP",
    "SequenceName": "_epfid2d1_64",
    "SequenceVariant": "SK",
    "SliceTiming": [
      0,
      0.7775,
      0.055,
      0.8325,
      0.11,
      0.8875,
      0.165,
      0.9425,
      0.22,
      0.9975,
      0.2775,
      1.055,
      0.3325,
      1.11,
      0.3875,
      1.165,
      0.4425,
      1.22,
      0.5,
      1.2775,
      0.555,
      1.3325,
      0.61,
      1.3875,
      0.665,
      1.4425,
      0.72
    ],
    "SoftwareVersions": "syngo_MR_D11",
    "StationName": "AWP45031",
    "TaskDescription": "Passively listened to audio story 'milkyway'",
    "TaskName": "milkyway",
    "TotalReadoutTime": 0.0245701,
    "dataset": "ds002345",
    "modality": "bold",
    "subject_id": "052",
    "task_id": "milkyway"
  },
  "dummy_trs": 0,
  "dvars_nstd": 20.43013043016892,
  "dvars_std": 1.2181591523986486,
  "dvars_vstd": 1.0119954638851354,
  "efc": 0.5851202406693345,
  "fber": 1834.988037109375,
  "fd_mean": 0.09123564266507396,
  "fd_num": 8,
  "fd_perc": 2.6936026936026938,
  "fwhm_avg": 1.7370361621869093,
  "fwhm_x": 1.7088266666666667,
  "fwhm_y": 1.928046819894061,
  "fwhm_z": 1.574235,
  "gcor": 0.0437277,
  "gsr_x": 0.001993334386497736,
  "gsr_y": 0.02662721276283264,
  "provenance": {
    "md5sum": "7bd09c94407a8419cd1d48bad8b2c166",
    "settings": {
      "fd_thres": 0.2,
      "testing": false
    },
    "software": "mriqc",
    "version": "21.0.0rc2",
    "webapi_port": null,
    "webapi_url": "https://mriqc.nimh.nih.gov/api/v1"
  },
  "size_t": 297,
  "size_x": 64,
  "size_y": 64,
  "size_z": 27,
  "snr": 7.812310838755762,
  "spacing_tr": 1.5,
  "spacing_x": 3.0,
  "spacing_y": 2.999999761581421,
  "spacing_z": 4.0,
  "summary_bg_k": 20.631794974904942,
  "summary_bg_mad": 10.61283570178228,
  "summary_bg_mean": 37.55331039428711,
  "summary_bg_median": 16.255891799926758,
  "summary_bg_n": 55614.0,
  "summary_bg_p05": 7.5757575035095215,
  "summary_bg_p95": 136.9656570434569,
  "summary_bg_stdv": 59.791412353515625,
  "summary_fg_k": 2.5767021803288648,
  "summary_fg_mad": 86.89443464565579,
  "summary_fg_mean": 729.2523193359375,
  "summary_fg_median": 724.2255859375,
  "summary_fg_n": 26848.0,
  "summary_fg_p05": 597.6006683349609,
  "summary_fg_p95": 879.3942474365231,
  "summary_fg_stdv": 92.7013931274414,
  "tsnr": 80.84228479652666
}