{
  "aor": 0.0006120464135021097,
  "aqi": 0.007301348016877637,
  "bids_meta": {
    "CogAtlasID": "https://www.cognitiveatlas.org/task/id/trm_4c8991fadfe01",
    "DeviceSerialNumber": "45031",
    "DwellTime": 5.4e-06,
    "EchoTime": 0.028,
    "EffectiveEchoSpacing": 0.000390001,
    "FlipAngle": 64,
    "InstitutionAddress": "Washington Rd, Princeton, NJ 08540, USA",
    "InstitutionName": "Princeton University",
    "InstitutionalDepartmentName": "Princeton Neuroscience Institute",
    "MagneticFieldStrength": 3,
    "Manufacturer": "Siemens",
    "ManufacturersModelName": "Skyra",
    "NumberOfVolumesDiscardedByScanner": 3,
    "ParallelReductionFactorInPlane": 2,
    "ParallelReductionType": "GRAPPA",
    "PartialFourier": 1,
    "PhaseEncodingDirection": "j-",
    "PixelBandwidth": 1445,
    "PulseSequenceDetails": "%SiemensSeq%_ep2d_bold",
    "PulseSequenceType": "Gradient Echo EPI",
    "ReceiveCoilActiveElements": "HE1-4",
    "ReceiveCoilName": "HeadNeck_20",
    "RepetitionTime": 1.5,
    "ScanOptions": "FS",
    "ScanningSequence": "EP",
    "SequenceName": "_epfid2d1_64",
    "SequenceVariant": "SK",
    "SliceTiming": [
      0,
      0.7775,
      0.055,
      0.8325,
      0.11,
      0.8875,
      0.165,
      0.9425,
      0.22,
      0.9975,
      0.2775,
      1.055,
      0.3325,
      1.11,
      0.3875,
      1.165,
      0.4425,
      1.22,
      0.5,
      1.2775,
      0.555,
      1.3325,
      0.61,
      1.3875,
      0.665,
      1.4425,
      0.72
    ],
    "SoftwareVersions": "syngo_MR_D11",
    "StationName": "AWP45031",
    "TaskDescription": "Passively listened to audio story 'prettymouth'",
    "TaskName": "prettymouth",
    "TotalReadoutTime": 0.0245701,
    "dataset": "ds002345",
    "modality": "bold",
    "subject_id": "052",
    "task_id": "prettymouth"
  },
  "dummy_trs": 1,
  "dvars_nstd": 20.620363142579286,
  "dvars_std": 1.2155405297040165,
  "dvars_vstd": 1.0006037693446082,
  "efc": 0.5854896615386923,
  "fber": 1818.14599609375,
  "fd_mean": 0.10446562083886614,
  "fd_num": 12,
  "fd_perc": 2.5316455696202533,
  "fwhm_avg": 1.7293317172906175,
  "fwhm_x": 1.7002300000000001,
  "fwhm_y": 1.9109901518718522,
  "fwhm_z": 1.576775,
  "gcor": 0.063202,
  "gsr_x": 0.002185873221606016,
  "gsr_y": 0.025806916877627373,
  "provenance": {
    "md5sum": "337bb405e8c82077256dad969b9ce013",
    "settings": {
      "fd_thres": 0.2,
      "testing": false
    },
    "software": "mriqc",
    "version": "21.0.0rc2",
    "webapi_port": null,
    "webapi_url": "https://mriqc.nimh.nih.gov/api/v1"
  },
  "size_t": 474,
  "size_x": 64,
  "size_y": 64,
  "size_z": 27,
  "snr": 7.839299326887987,
  "spacing_tr": 1.5,
  "spacing_x": 3.0,
  "spacing_y": 2.999999761581421,
  "spacing_z": 4.0,
  "summary_bg_k": 20.421664764366874,
  "summary_bg_mad": 10.691001422193242,
  "summary_bg_mean": 37.63931655883789,
  "summary_bg_median": 16.320674896240234,
  "summary_bg_n": 55577.0,
  "summary_bg_p05": 7.5232062339782715,
  "summary_bg_p95": 138.21054077148432,
  "summary_bg_stdv": 60.0166015625,
  "summary_fg_k": 2.615747574263203,
  "summary_fg_mad": 86.62581253349552,
  "summary_fg_mean": 729.6258544921875,
  "summary_fg_median": 724.9598999023438,
  "summary_fg_n": 26911.0,
  "summary_fg_p05": 598.8533630371094,
  "summary_fg_p95": 879.7984619140625,
  "summary_fg_stdv": 92.47592163085938,
  "tsnr": 74.86510745203122
}