{
  "aor": 0.0006272162162162163,
  "aqi": 0.005678827243243243,
  "bids_meta": {
    "CogAtlasID": "https://www.cognitiveatlas.org/task/id/trm_4c8991fadfe01",
    "DeviceSerialNumber": "45031",
    "DwellTime": 5.4e-06,
    "EchoTime": 0.028,
    "EffectiveEchoSpacing": 0.000390001,
    "FlipAngle": 64,
    "InstitutionAddress": "Washington Rd, Princeton, NJ 08540, USA",
    "InstitutionName": "Princeton University",
    "InstitutionalDepartmentName": "Princeton Neuroscience Institute",
    "MagneticFieldStrength": 3,
    "Manufacturer": "Siemens",
    "ManufacturersModelName": "Skyra",
    "NumberOfVolumesDiscardedByScanner": 3,
    "ParallelReductionFactorInPlane": 2,
    "ParallelReductionType": "GRAPPA",
    "PartialFourier": 1,
    "PhaseEncodingDirection": "j-",
    "PixelBandwidth": 1445,
    "PulseSequenceDetails": "%SiemensSeq%_ep2d_bold",
    "PulseSequenceType": "Gradient Echo EPI",
    "ReceiveCoilActiveElements": "HE1-4",
    "ReceiveCoilName": "HeadNeck_20",
    "RepetitionTime": 1.5,
    "ScanOptions": "FS",
    "ScanningSequence": "EP",
    "SequenceName": "_epfid2d1_64",
    "SequenceVariant": "SK",
    "SliceTiming": [
      0,
      0.7775,
      0.0575,
      0.835,
      0.1125,
      0.89,
      0.1675,
      0.945,
      0.2225,
      1,
      0.28,
      1.0575,
      0.335,
      1.1125,
      0.39,
      1.1675,
      0.445,
      1.2225,
      0.5,
      1.2775,
      0.5575,
      1.335,
      0.6125,
      1.39,
      0.6675,
      1.445,
      0.7225
    ],
    "SoftwareVersions": "syngo_MR_D11",
    "StationName": "AWP45031",
    "TaskDescription": "Passively listened to audio story 'lucy'",
    "TaskName": "lucy",
    "TotalReadoutTime": 0.0245701,
    "dataset": "ds002345",
    "modality": "bold",
    "subject_id": "052",
    "task_id": "lucy"
  },
  "dummy_trs": 0,
  "dvars_nstd": 21.595964793523024,
  "dvars_std": 1.2085944070460715,
  "dvars_vstd": 1.0110180254471548,
  "efc": 0.5835727692658644,
  "fber": 1964.3880615234375,
  "fd_mean": 0.14214357064740593,
  "fd_num": 87,
  "fd_perc": 23.513513513513512,
  "fwhm_avg": 1.8614424262549545,
  "fwhm_x": 1.8280733333333332,
  "fwhm_y": 2.044703333333333,
  "fwhm_z": 1.7115506120981974,
  "gcor": 0.0604307,
  "gsr_x": -0.002664287341758609,
  "gsr_y": 0.03789213299751282,
  "provenance": {
    "md5sum": "725000dd6f0a2507161631f597308569",
    "settings": {
      "fd_thres": 0.2,
      "testing": false
    },
    "software": "mriqc",
    "version": "21.0.0rc2",
    "webapi_port": null,
    "webapi_url": "https://mriqc.nimh.nih.gov/api/v1"
  },
  "size_t": 370,
  "size_x": 64,
  "size_y": 64,
  "size_z": 27,
  "snr": 7.258850850321061,
  "spacing_tr": 1.5,
  "spacing_x": 3.0,
  "spacing_y": 3.0,
  "spacing_z": 3.9999985694885254,
  "summary_bg_k": 22.116913821202044,
  "summary_bg_mad": 10.762890753245735,
  "summary_bg_mean": 38.99308776855469,
  "summary_bg_median": 15.513513565063477,
  "summary_bg_n": 55553.0,
  "summary_bg_p05": 6.727027416229248,
  "summary_bg_p95": 148.82595214843735,
  "summary_bg_stdv": 67.08821868896484,
  "summary_fg_k": 1.2191393664299381,
  "summary_fg_mad": 95.12697619423214,
  "summary_fg_mean": 729.0888671875,
  "summary_fg_median": 721.264892578125,
  "summary_fg_n": 26703.0,
  "summary_fg_p05": 586.2024475097656,
  "summary_fg_p95": 900.6551757812499,
  "summary_fg_stdv": 99.36164855957031,
  "tsnr": 79.29217348690145
}