{
  "aor": 0.0005154000000000001,
  "aqi": 0.005655425433333333,
  "bids_meta": {
    "CogAtlasID": "https://www.cognitiveatlas.org/task/id/trm_4c8991fadfe01",
    "DeviceSerialNumber": "45031",
    "DwellTime": 5.4e-06,
    "EchoTime": 0.028,
    "EffectiveEchoSpacing": 0.000390001,
    "FlipAngle": 64,
    "InstitutionAddress": "Washington Rd, Princeton, NJ 08540, USA",
    "InstitutionName": "Princeton University",
    "InstitutionalDepartmentName": "Princeton Neuroscience Institute",
    "MagneticFieldStrength": 3,
    "Manufacturer": "Siemens",
    "ManufacturersModelName": "Skyra",
    "NumberOfVolumesDiscardedByScanner": 3,
    "ParallelReductionFactorInPlane": 2,
    "ParallelReductionType": "GRAPPA",
    "PartialFourier": 1,
    "PhaseEncodingDirection": "j-",
    "PixelBandwidth": 1445,
    "PulseSequenceDetails": "%SiemensSeq%_ep2d_bold",
    "PulseSequenceType": "Gradient Echo EPI",
    "ReceiveCoilActiveElements": "HE1-4",
    "ReceiveCoilName": "HeadNeck_20",
    "RepetitionTime": 1.5,
    "ScanOptions": "FS",
    "ScanningSequence": "EP",
    "SequenceName": "_epfid2d1_64",
    "SequenceVariant": "SK",
    "SliceTiming": [
      0,
      0.7775,
      0.055,
      0.8325,
      0.11,
      0.89,
      0.1675,
      0.945,
      0.2225,
      1,
      0.2775,
      1.055,
      0.3325,
      1.11,
      0.39,
      1.1675,
      0.445,
      1.2225,
      0.5,
      1.2775,
      0.555,
      1.3325,
      0.61,
      1.3875,
      0.6675,
      1.445,
      0.7225
    ],
    "SoftwareVersions": "syngo_MR_D11",
    "StationName": "AWP45031",
    "TaskDescription": "Passively listened to audio story 'pieman'",
    "TaskName": "pieman",
    "TotalReadoutTime": 0.0245701,
    "dataset": "ds002345",
    "modality": "bold",
    "subject_id": "052",
    "task_id": "pieman"
  },
  "dummy_trs": 0,
  "dvars_nstd": 21.865540220568555,
  "dvars_std": 1.1964133777257526,
  "dvars_vstd": 0.9861016288963215,
  "efc": 0.5837851040879337,
  "fber": 1917.3394775390625,
  "fd_mean": 0.1365812762526885,
  "fd_num": 50,
  "fd_perc": 16.666666666666668,
  "fwhm_avg": 1.8702821485096612,
  "fwhm_x": 1.8366033333333334,
  "fwhm_y": 2.06242,
  "fwhm_z": 1.711823112195651,
  "gcor": 0.0347842,
  "gsr_x": -0.003787788562476635,
  "gsr_y": 0.03799813985824585,
  "provenance": {
    "md5sum": "6e5b2852770ce778d177afe36a2a1df7",
    "settings": {
      "fd_thres": 0.2,
      "testing": false
    },
    "software": "mriqc",
    "version": "21.0.0rc2",
    "webapi_port": null,
    "webapi_url": "https://mriqc.nimh.nih.gov/api/v1"
  },
  "size_t": 300,
  "size_x": 64,
  "size_y": 64,
  "size_z": 27,
  "snr": 7.2728563458243585,
  "spacing_tr": 1.5,
  "spacing_x": 3.0,
  "spacing_y": 3.0,
  "spacing_z": 3.9999985694885254,
  "summary_bg_k": 23.088814606237925,
  "summary_bg_mad": 10.978669739096308,
  "summary_bg_mean": 38.70634841918945,
  "summary_bg_median": 15.761667251586914,
  "summary_bg_n": 55550.0,
  "summary_bg_p05": 6.694833517074586,
  "summary_bg_p95": 146.09067687988218,
  "summary_bg_stdv": 66.4516372680664,
  "summary_fg_k": 1.2282518625144112,
  "summary_fg_mad": 95.75140836029647,
  "summary_fg_mean": 729.25439453125,
  "summary_fg_median": 721.5133666992188,
  "summary_fg_n": 26786.0,
  "summary_fg_p05": 586.5991821289062,
  "summary_fg_p95": 899.8541870117188,
  "summary_fg_stdv": 99.20447540283203,
  "tsnr": 80.67886832077056
}