{
  "bids_meta": {
    "AcquisitionMatrixPE": 256,
    "BaseResolution": 256,
    "BodyPartExamined": "BRAIN",
    "ConsistencyInfo": "N4_VE11C_LATEST_20160120",
    "ConversionSoftware": "dcm2niix",
    "ConversionSoftwareVersion": "v1.0.20180328 GCC6.3.0",
    "DeviceSerialNumber": "66018",
    "DwellTime": 9.8e-06,
    "EchoTime": 0.428,
    "EchoTrainLength": 175,
    "FlipAngle": 120,
    "ImageOrientationPatientDICOM": [
      0,
      1,
      0,
      0,
      0,
      -1
    ],
    "ImageType": [
      "ORIGINAL",
      "PRIMARY",
      "M",
      "ND"
    ],
    "InPlanePhaseEncodingDirectionDICOM": "ROW",
    "InstitutionAddress": "Washington Rd, Princeton, NJ 08540, USA",
    "InstitutionName": "Princeton University",
    "InstitutionalDepartmentName": "Princeton Neuroscience Institute",
    "MRAcquisitionType": "3D",
    "MagneticFieldStrength": 3,
    "Manufacturer": "Siemens",
    "ManufacturersModelName": "Prisma",
    "Modality": "MR",
    "ParallelReductionFactorInPlane": 2,
    "ParallelReductionType": "GRAPPA",
    "PartialFourier": 1,
    "PatientPosition": "HFS",
    "PercentPhaseFOV": 100,
    "PhaseEncodingSteps": 175,
    "PhaseResolution": 1,
    "PixelBandwidth": 200,
    "ProcedureStepDescription": "Hasson_Nastase_042518_Storyteller",
    "ProtocolName": "anat-T2w",
    "PulseSequenceDetails": "%SiemensSeq%_tse_vfl",
    "ReceiveCoilActiveElements": "HC1-7;NC1",
    "ReceiveCoilName": "HeadNeck_64",
    "ReconMatrixPE": 256,
    "RepetitionTime": 3.2,
    "SAR": 0.0446397,
    "ScanOptions": "PFP",
    "ScanningSequence": "SE",
    "SequenceName": "_spc_230ns",
    "SequenceVariant": "SK_SP",
    "SeriesDescription": "anat-T2w",
    "SeriesNumber": 11,
    "ShimSetting": [
      752,
      534,
      1978,
      152,
      -79,
      -45,
      421,
      -13
    ],
    "SliceThickness": 1,
    "SoftwareVersions": "syngo_MR_E11",
    "StationName": "AWP66018",
    "TxRefAmp": 236.129,
    "dataset": "ds002345",
    "modality": "T2w",
    "subject_id": "267"
  },
  "cjv": 0.24949153291565485,
  "cnr": 4.658846346242399,
  "efc": 0.488860441297582,
  "fber": 1445.8015094000584,
  "fwhm_avg": 2.4093666666666667,
  "fwhm_x": 2.60697,
  "fwhm_y": 2.0964,
  "fwhm_z": 2.52473,
  "icvs_csf": 0.2900566283186443,
  "icvs_gm": 0.023947896733595108,
  "icvs_wm": 0.6859954749477606,
  "inu_med": 0.988224983215332,
  "inu_range": 0.29583562612533565,
  "provenance": {
    "md5sum": "d07b36b0a1700d3f61c80e64c4320d3c",
    "settings": {
      "testing": false
    },
    "software": "mriqc",
    "version": "22.0.0rc1",
    "warnings": {
      "large_rot_frame": true,
      "small_air_mask": false
    },
    "webapi_port": null,
    "webapi_url": "https://mriqc.nimh.nih.gov/api/v1"
  },
  "qi_1": 0.0,
  "qi_2": 0.03251828097173299,
  "rpve_csf": 20.067152299303984,
  "rpve_gm": 275.9283217620302,
  "rpve_wm": 11.61258368511772,
  "size_x": 176,
  "size_y": 256,
  "size_z": 256,
  "snr_csf": 2.5640303527808017,
  "snr_gm": 2.2733608341397855,
  "snr_total": 3.7797066268717576,
  "snr_wm": 6.501728693694687,
  "snrd_csf": 78.35212802389157,
  "snrd_gm": 5.988563657643018,
  "snrd_total": 38.66263831536641,
  "snrd_wm": 31.647223264564644,
  "spacing_x": 1.0,
  "spacing_y": 1.0,
  "spacing_z": 1.0,
  "summary_bg_k": 5.65568530724523,
  "summary_bg_mad": 20.7067346330584,
  "summary_bg_mean": 22.53178244110194,
  "summary_bg_median": 14.232508465647697,
  "summary_bg_n": 3277247.0,
  "summary_bg_p05": 0.0,
  "summary_bg_p95": 56.530991569161415,
  "summary_bg_stdv": 21.713809759611564,
  "summary_csf_k": 1.1950232458640393,
  "summary_csf_mad": 834.7772162070115,
  "summary_csf_mean": 2656.7154880136677,
  "summary_csf_median": 2476.4564730226994,
  "summary_csf_n": 44743.0,
  "summary_csf_p05": 1426.4697877317667,
  "summary_csf_p95": 4509.829684831202,
  "summary_csf_stdv": 965.8344316979782,
  "summary_gm_k": -1.0852685151472643,
  "summary_gm_mad": 77.50234962659002,
  "summary_gm_mean": 167.25783832371235,
  "summary_gm_median": 189.2790611833334,
  "summary_gm_n": 9.0,
  "summary_gm_p05": 54.5623829215765,
  "summary_gm_p95": 267.8371873497963,
  "summary_gm_stdv": 78.49788189622627,
  "summary_wm_k": 1.4518250411375604,
  "summary_wm_mad": 124.83202878786636,
  "summary_wm_mean": 1019.1033561204988,
  "summary_wm_median": 1000.2660155296326,
  "summary_wm_n": 327932.0,
  "summary_wm_p05": 796.8276036344467,
  "summary_wm_p95": 1305.4003559052944,
  "summary_wm_stdv": 153.84592891219523,
  "tpm_overlap_csf": 0.1399795264005661,
  "tpm_overlap_gm": 0.018656626343727112,
  "tpm_overlap_wm": 0.43148842453956604,
  "wm2max": 0.21010478277552624
}