{
  "aor": 0.0009490822784810127,
  "aqi": 0.007035477120253165,
  "bids_meta": {
    "CogAtlasID": "https://www.cognitiveatlas.org/task/id/trm_4c8991fadfe01",
    "DeviceSerialNumber": "66018",
    "DwellTime": 4.2e-06,
    "EchoTime": 0.039,
    "EffectiveEchoSpacing": 0.000929976,
    "FlipAngle": 50,
    "InstitutionAddress": "Washington Rd, Princeton, NJ 08540, USA",
    "InstitutionName": "Princeton University",
    "InstitutionalDepartmentName": "Princeton Neuroscience Institute",
    "MagneticFieldStrength": 3,
    "Manufacturer": "Siemens",
    "ManufacturersModelName": "Prisma",
    "NumberOfVolumesDiscardedByScanner": 3,
    "ParallelReductionType": "GRAPPA",
    "PartialFourier": 0.75,
    "PhaseEncodingDirection": "j-",
    "PixelBandwidth": 1240,
    "PulseSequenceDetails": "%CustomerSeq%_ep2d_bold_sms_mgh_v22",
    "PulseSequenceType": "Gradient Echo EPI",
    "ReceiveCoilActiveElements": "HC1-7;NC1,2",
    "ReceiveCoilName": "HeadNeck_64",
    "RepetitionTime": 1.5,
    "ScanOptions": "PFP_FS",
    "ScanningSequence": "EP",
    "SequenceName": "epfSM2d1_96",
    "SequenceVariant": "SK",
    "SliceTiming": [
      0.6925,
      0,
      0.79,
      0.1,
      0.8875,
      0.1975,
      0.9875,
      0.2975,
      1.085,
      0.395,
      1.185,
      0.495,
      1.2825,
      0.5925,
      1.3825,
      0.6925,
      0,
      0.79,
      0.1,
      0.8875,
      0.1975,
      0.9875,
      0.2975,
      1.085,
      0.395,
      1.185,
      0.495,
      1.2825,
      0.5925,
      1.3825,
      0.6925,
      0,
      0.79,
      0.1,
      0.8875,
      0.1975,
      0.9875,
      0.2975,
      1.085,
      0.395,
      1.185,
      0.495,
      1.2825,
      0.5925,
      1.3825,
      0.6925,
      0,
      0.79,
      0.1,
      0.8875,
      0.1975,
      0.9875,
      0.2975,
      1.085,
      0.395,
      1.185,
      0.495,
      1.2825,
      0.5925,
      1.3825
    ],
    "SoftwareVersions": "syngo_MR_D13D",
    "StationName": "AWP66018",
    "TaskDescription": "Passively listened to audio story 'shapesphysical'",
    "TaskName": "shapesphysical",
    "TotalReadoutTime": 0.0883478,
    "dataset": "ds002345",
    "modality": "bold",
    "subject_id": "219",
    "task_id": "shapesphysical"
  },
  "dummy_trs": 0,
  "dvars_nstd": 44.358395797396845,
  "dvars_std": 1.2469141362222218,
  "dvars_vstd": 0.9957728423174607,
  "efc": 0.6167100511627134,
  "fber": 138.51136779785156,
  "fd_mean": 0.17002293875596722,
  "fd_num": 111,
  "fd_perc": 35.12658227848101,
  "fwhm_avg": 3.0656316666666665,
  "fwhm_x": 2.859905,
  "fwhm_y": 3.311945,
  "fwhm_z": 3.025045,
  "gcor": 0.0341735,
  "gsr_x": -0.005703031551092863,
  "gsr_y": 0.03826504945755005,
  "provenance": {
    "md5sum": "e53c2dbd2cac87d5e67b9cc1e06c019f",
    "settings": {
      "fd_thres": 0.2,
      "testing": false
    },
    "software": "mriqc",
    "version": "22.0.0rc1",
    "webapi_port": null,
    "webapi_url": "https://mriqc.nimh.nih.gov/api/v1"
  },
  "size_t": 316,
  "size_x": 96,
  "size_y": 96,
  "size_z": 60,
  "snr": 2.4309519976269978,
  "spacing_tr": 1.5,
  "spacing_x": 2.0,
  "spacing_y": 2.0,
  "spacing_z": 2.0,
  "summary_bg_k": 142.45479640216396,
  "summary_bg_mad": 6.521574338391291,
  "summary_bg_mean": 53.54606628417969,
  "summary_bg_median": 39.81645584106445,
  "summary_bg_n": 313754.0,
  "summary_bg_p05": 34.272151947021484,
  "summary_bg_p95": 117.39035224914544,
  "summary_bg_stdv": 45.82476043701172,
  "summary_fg_k": 1.4763342375532043,
  "summary_fg_mad": 182.8550352470796,
  "summary_fg_mean": 514.161865234375,
  "summary_fg_median": 483.18670654296875,
  "summary_fg_n": 149782.0,
  "summary_fg_p05": 256.08592376708987,
  "summary_fg_p95": 881.7686676025389,
  "summary_fg_stdv": 198.76373291015625,
  "tsnr": 40.717970866244286
}