{
  "aor": 0.0006127419354838709,
  "aqi": 0.006475182677419354,
  "bids_meta": {
    "CogAtlasID": "https://www.cognitiveatlas.org/task/id/trm_4c8991fadfe01",
    "DeviceSerialNumber": "66018",
    "DwellTime": 4.2e-06,
    "EchoTime": 0.039,
    "EffectiveEchoSpacing": 0.000929976,
    "FlipAngle": 50,
    "InstitutionAddress": "Washington Rd, Princeton, NJ 08540, USA",
    "InstitutionName": "Princeton University",
    "InstitutionalDepartmentName": "Princeton Neuroscience Institute",
    "MagneticFieldStrength": 3,
    "Manufacturer": "Siemens",
    "ManufacturersModelName": "Prisma",
    "NumberOfVolumesDiscardedByScanner": 3,
    "ParallelReductionType": "GRAPPA",
    "PartialFourier": 0.75,
    "PhaseEncodingDirection": "j-",
    "PixelBandwidth": 1240,
    "PulseSequenceDetails": "%CustomerSeq%_ep2d_bold_sms_mgh_v22",
    "PulseSequenceType": "Gradient Echo EPI",
    "ReceiveCoilActiveElements": "HC1-7;NC1,2",
    "ReceiveCoilName": "HeadNeck_64",
    "RepetitionTime": 1.5,
    "ScanOptions": "PFP_FS",
    "ScanningSequence": "EP",
    "SequenceName": "epfSM2d1_96",
    "SequenceVariant": "SK",
    "SliceTiming": [
      0.6925,
      0,
      0.79,
      0.1,
      0.8875,
      0.1975,
      0.9875,
      0.2975,
      1.085,
      0.395,
      1.185,
      0.495,
      1.2825,
      0.5925,
      1.3825,
      0.6925,
      0,
      0.79,
      0.1,
      0.8875,
      0.1975,
      0.9875,
      0.2975,
      1.085,
      0.395,
      1.185,
      0.495,
      1.2825,
      0.5925,
      1.3825,
      0.6925,
      0,
      0.79,
      0.1,
      0.8875,
      0.1975,
      0.9875,
      0.2975,
      1.085,
      0.395,
      1.185,
      0.495,
      1.2825,
      0.5925,
      1.3825,
      0.6925,
      0,
      0.79,
      0.1,
      0.8875,
      0.1975,
      0.9875,
      0.2975,
      1.085,
      0.395,
      1.185,
      0.495,
      1.2825,
      0.5925,
      1.3825
    ],
    "SoftwareVersions": "syngo_MR_D13D",
    "StationName": "AWP66018",
    "TaskDescription": "Passively listened to audio story 'shapessocial'",
    "TaskName": "shapessocial",
    "TotalReadoutTime": 0.0883478,
    "dataset": "ds002345",
    "modality": "bold",
    "subject_id": "219",
    "task_id": "shapessocial"
  },
  "dummy_trs": 0,
  "dvars_nstd": 37.878189889417435,
  "dvars_std": 1.1555535862135917,
  "dvars_vstd": 1.006609569158576,
  "efc": 0.6108980437457279,
  "fber": 159.21527099609375,
  "fd_mean": 0.1482990441701959,
  "fd_num": 72,
  "fd_perc": 23.225806451612904,
  "fwhm_avg": 3.071921666666667,
  "fwhm_x": 2.84583,
  "fwhm_y": 3.32724,
  "fwhm_z": 3.042695,
  "gcor": 0.0139111,
  "gsr_x": -0.008238479495048523,
  "gsr_y": 0.046459440141916275,
  "provenance": {
    "md5sum": "2a697bfc0c5adf4523a3726dcc3b0549",
    "settings": {
      "fd_thres": 0.2,
      "testing": false
    },
    "software": "mriqc",
    "version": "22.0.0rc1",
    "webapi_port": null,
    "webapi_url": "https://mriqc.nimh.nih.gov/api/v1"
  },
  "size_t": 310,
  "size_x": 96,
  "size_y": 96,
  "size_z": 60,
  "snr": 2.433026275192563,
  "spacing_tr": 1.5,
  "spacing_x": 2.0,
  "spacing_y": 2.0,
  "spacing_z": 2.0,
  "summary_bg_k": 175.50317351533243,
  "summary_bg_mad": 6.6812737358367515,
  "summary_bg_mean": 52.176673889160156,
  "summary_bg_median": 37.14516067504883,
  "summary_bg_n": 315068.0,
  "summary_bg_p05": 31.58709716796875,
  "summary_bg_p95": 118.14290046691872,
  "summary_bg_stdv": 54.00001907348633,
  "summary_fg_k": 1.3444618459988762,
  "summary_fg_mad": 182.37916644724035,
  "summary_fg_mean": 513.6209106445312,
  "summary_fg_median": 483.061279296875,
  "summary_fg_n": 149687.0,
  "summary_fg_p05": 254.5890335083008,
  "summary_fg_p95": 880.9915893554686,
  "summary_fg_stdv": 198.542724609375,
  "tsnr": 44.31298735074233
}