{
  "aor": 0.0028320930232558134,
  "aqi": 0.012537381053351573,
  "bids_meta": {
    "CogAtlasID": "https://www.cognitiveatlas.org/task/id/trm_4c8991fadfe01",
    "DeviceSerialNumber": "45031",
    "DwellTime": 4.9e-06,
    "EchoTime": 0.028,
    "EffectiveEchoSpacing": 0.000355001,
    "FlipAngle": 64,
    "InstitutionAddress": "Washington Rd, Princeton, NJ 08540, USA",
    "InstitutionName": "Princeton University",
    "InstitutionalDepartmentName": "Princeton Neuroscience Institute",
    "MagneticFieldStrength": 3,
    "Manufacturer": "Siemens",
    "ManufacturersModelName": "Skyra",
    "NumberOfVolumesDiscardedByScanner": 3,
    "ParallelReductionFactorInPlane": 2,
    "ParallelReductionType": "GRAPPA",
    "PartialFourier": 1,
    "PhaseEncodingDirection": "j-",
    "PixelBandwidth": 1595,
    "PulseSequenceDetails": "%SiemensSeq%_ep2d_bold",
    "PulseSequenceType": "Gradient Echo EPI",
    "ReceiveCoilActiveElements": "HE1-4",
    "ReceiveCoilName": "HeadNeck_20",
    "RepetitionTime": 1.5,
    "ScanOptions": "FS",
    "ScanningSequence": "EP",
    "SequenceName": "_epfid2d1_64",
    "SequenceVariant": "SK",
    "SliceTiming": [
      0,
      0.7675,
      0.055,
      0.8225,
      0.1075,
      0.875,
      0.1625,
      0.93,
      0.2175,
      0.985,
      0.2725,
      1.04,
      0.3275,
      1.095,
      0.3825,
      1.15,
      0.4375,
      1.205,
      0.4925,
      1.26,
      0.5475,
      1.315,
      0.6025,
      1.37,
      0.6575,
      1.425,
      0.7125
    ],
    "SoftwareVersions": "syngo_MR_D13",
    "StationName": "AWP45031",
    "TaskDescription": "Passively listened to audio story 'sherlock'",
    "TaskName": "sherlock",
    "TotalReadoutTime": 0.022365,
    "dataset": "ds002345",
    "modality": "bold",
    "subject_id": "161",
    "task_id": "sherlock"
  },
  "dummy_trs": 0,
  "dvars_nstd": 20.64659154698631,
  "dvars_std": 1.0619993960684924,
  "dvars_vstd": 0.9934692127123292,
  "efc": 0.5807734137253713,
  "fber": 1972.755859375,
  "fd_mean": 0.18024796044207897,
  "fd_num": 120,
  "fd_perc": 16.415868673050614,
  "fwhm_avg": 1.6561669444444445,
  "fwhm_x": 1.5899,
  "fwhm_y": 1.8897033333333333,
  "fwhm_z": 1.4888975,
  "gcor": 0.0139301,
  "gsr_x": 0.00468831742182374,
  "gsr_y": 0.04430851712822914,
  "provenance": {
    "md5sum": "0dbf838e7b11a5ef1543f25e0d4bd9e8",
    "settings": {
      "fd_thres": 0.2,
      "testing": false
    },
    "software": "mriqc",
    "version": "22.0.0rc1",
    "webapi_port": null,
    "webapi_url": "https://mriqc.nimh.nih.gov/api/v1"
  },
  "size_t": 731,
  "size_x": 64,
  "size_y": 64,
  "size_z": 27,
  "snr": 7.870057022404754,
  "spacing_tr": 1.5,
  "spacing_x": 3.0,
  "spacing_y": 3.0,
  "spacing_z": 4.0,
  "summary_bg_k": 23.434795108479005,
  "summary_bg_mad": 9.52435086245422,
  "summary_bg_mean": 40.912353515625,
  "summary_bg_median": 14.700410842895508,
  "summary_bg_n": 56628.0,
  "summary_bg_p05": 6.972640514373779,
  "summary_bg_p95": 164.8164962768549,
  "summary_bg_stdv": 71.39042663574219,
  "summary_fg_k": 2.268055312107734,
  "summary_fg_mad": 81.17808189638161,
  "summary_fg_mean": 685.9799194335938,
  "summary_fg_median": 679.8167114257812,
  "summary_fg_n": 25603.0,
  "summary_fg_p05": 565.257763671875,
  "summary_fg_p95": 826.7003051757813,
  "summary_fg_stdv": 86.37846374511719,
  "tsnr": 59.201970340218395
}