{
  "aor": 0.0004881818181818181,
  "aqi": 0.00590661199724518,
  "bids_meta": {
    "CogAtlasID": "https://www.cognitiveatlas.org/task/id/trm_4c8991fadfe01",
    "DeviceSerialNumber": "45031",
    "DwellTime": 4.9e-06,
    "EchoTime": 0.028,
    "EffectiveEchoSpacing": 0.000355001,
    "FlipAngle": 64,
    "InstitutionAddress": "Washington Rd, Princeton, NJ 08540, USA",
    "InstitutionName": "Princeton University",
    "InstitutionalDepartmentName": "Princeton Neuroscience Institute",
    "MagneticFieldStrength": 3,
    "Manufacturer": "Siemens",
    "ManufacturersModelName": "Skyra",
    "NumberOfVolumesDiscardedByScanner": 3,
    "ParallelReductionFactorInPlane": 2,
    "ParallelReductionType": "GRAPPA",
    "PartialFourier": 1,
    "PhaseEncodingDirection": "j-",
    "PixelBandwidth": 1595,
    "PulseSequenceDetails": "%SiemensSeq%_ep2d_bold",
    "PulseSequenceType": "Gradient Echo EPI",
    "ReceiveCoilActiveElements": "HE1-4",
    "ReceiveCoilName": "HeadNeck_20",
    "RepetitionTime": 1.5,
    "ScanOptions": "FS",
    "ScanningSequence": "EP",
    "SequenceName": "_epfid2d1_64",
    "SequenceVariant": "SK",
    "SliceTiming": [
      0,
      0.7675,
      0.055,
      0.8225,
      0.1075,
      0.875,
      0.1625,
      0.93,
      0.2175,
      0.985,
      0.2725,
      1.04,
      0.3275,
      1.095,
      0.3825,
      1.15,
      0.4375,
      1.205,
      0.4925,
      1.26,
      0.5475,
      1.315,
      0.6025,
      1.37,
      0.6575,
      1.425,
      0.7125
    ],
    "SoftwareVersions": "syngo_MR_D13",
    "StationName": "AWP45031",
    "TaskDescription": "Passively listened to audio story 'sherlock'",
    "TaskName": "sherlock",
    "TotalReadoutTime": 0.022365,
    "dataset": "ds002345",
    "modality": "bold",
    "subject_id": "154",
    "task_id": "sherlock"
  },
  "dummy_trs": 0,
  "dvars_nstd": 23.897129245613794,
  "dvars_std": 1.2644793027172405,
  "dvars_vstd": 1.0070010901517237,
  "efc": 0.5528348542404165,
  "fber": 2140.90771484375,
  "fd_mean": 0.12488750211377464,
  "fd_num": 42,
  "fd_perc": 5.785123966942149,
  "fwhm_avg": 1.6702700000000001,
  "fwhm_x": 1.5815700000000001,
  "fwhm_y": 1.8855000000000002,
  "fwhm_z": 1.54374,
  "gcor": 0.0115516,
  "gsr_x": -0.011390390805900097,
  "gsr_y": 0.04340628162026405,
  "provenance": {
    "md5sum": "0c8e5c8b9b2b73caa1a955eba5c06844",
    "settings": {
      "fd_thres": 0.2,
      "testing": false
    },
    "software": "mriqc",
    "version": "22.0.0rc1",
    "webapi_port": null,
    "webapi_url": "https://mriqc.nimh.nih.gov/api/v1"
  },
  "size_t": 726,
  "size_x": 64,
  "size_y": 64,
  "size_z": 27,
  "snr": 7.12547187788848,
  "spacing_tr": 1.5,
  "spacing_x": 3.0,
  "spacing_y": 3.0,
  "spacing_z": 4.0,
  "summary_bg_k": 23.95290178897354,
  "summary_bg_mad": 7.891895782996147,
  "summary_bg_mean": 30.3710994720459,
  "summary_bg_median": 13.212810516357422,
  "summary_bg_n": 59532.0,
  "summary_bg_p05": 6.651515483856201,
  "summary_bg_p95": 106.42259101867666,
  "summary_bg_stdv": 51.29503631591797,
  "summary_fg_k": 2.340000800681448,
  "summary_fg_mad": 84.67781583197147,
  "summary_fg_mean": 641.4867553710938,
  "summary_fg_median": 632.7974853515625,
  "summary_fg_n": 23948.0,
  "summary_fg_p05": 520.8263305664062,
  "summary_fg_p95": 788.3034698486327,
  "summary_fg_stdv": 88.80594635009766,
  "tsnr": 77.17938699014485
}