{
  "bids_meta": {
    "AcquisitionMatrixPE": 256,
    "BaseResolution": 256,
    "BodyPartExamined": "BRAIN",
    "ConsistencyInfo": "N4_VE11C_LATEST_20160120",
    "ConversionSoftware": "dcm2niix",
    "ConversionSoftwareVersion": "v1.0.20180328 GCC6.3.0",
    "DeviceSerialNumber": "66018",
    "DwellTime": 9.8e-06,
    "EchoTime": 0.0033,
    "FlipAngle": 7,
    "ImageOrientationPatientDICOM": [
      0,
      1,
      0,
      0,
      0,
      -1
    ],
    "ImageType": [
      "ORIGINAL",
      "PRIMARY",
      "M",
      "ND",
      "NORM"
    ],
    "InPlanePhaseEncodingDirectionDICOM": "ROW",
    "InstitutionAddress": "Washington Rd, Princeton, NJ 08540, USA",
    "InstitutionName": "Princeton University",
    "InstitutionalDepartmentName": "Princeton Neuroscience Institute",
    "InversionTime": 1.1,
    "MRAcquisitionType": "3D",
    "MagneticFieldStrength": 3,
    "Manufacturer": "Siemens",
    "ManufacturersModelName": "Prisma",
    "Modality": "MR",
    "ParallelReductionFactorInPlane": 2,
    "ParallelReductionType": "GRAPPA",
    "PartialFourier": 1,
    "PatientPosition": "HFS",
    "PercentPhaseFOV": 100,
    "PhaseEncodingSteps": 255,
    "PhaseResolution": 1,
    "PixelBandwidth": 200,
    "ProcedureStepDescription": "Hasson_Nastase_042518_Storyteller",
    "ProtocolName": "anat-T1w",
    "PulseSequenceDetails": "%SiemensSeq%_tfl",
    "ReceiveCoilActiveElements": "HC1-7;NC1",
    "ReceiveCoilName": "HeadNeck_64",
    "ReconMatrixPE": 256,
    "RepetitionTime": 2.53,
    "SAR": 0.0443524,
    "ScanOptions": "IR",
    "ScanningSequence": "GR_IR",
    "SequenceName": "_tfl3d1_16ns",
    "SequenceVariant": "SK_SP_MP",
    "SeriesDescription": "anat-T1w",
    "SeriesNumber": 3,
    "ShimSetting": [
      772,
      492,
      2008,
      404,
      -17,
      -267,
      176,
      -65
    ],
    "SliceThickness": 1,
    "SoftwareVersions": "syngo_MR_E11",
    "StationName": "AWP66018",
    "TxRefAmp": 252.918,
    "dataset": "ds002345",
    "modality": "T1w",
    "subject_id": "278"
  },
  "cjv": 0.40688667913620197,
  "cnr": 3.208006519045726,
  "efc": 0.5601123853552141,
  "fber": 5981.917551020408,
  "fwhm_avg": 3.1208500000000003,
  "fwhm_x": 3.23096,
  "fwhm_y": 3.23652,
  "fwhm_z": 2.89507,
  "icvs_csf": 0.18697423341215746,
  "icvs_gm": 0.41128321866532636,
  "icvs_wm": 0.40174254792251624,
  "inu_med": 1.2381423711776733,
  "inu_range": 0.44540061950683607,
  "provenance": {
    "md5sum": "1a2cdefc1e11ed40ad1ee599ddac077c",
    "settings": {
      "testing": false
    },
    "software": "mriqc",
    "version": "22.0.0rc1",
    "warnings": {
      "large_rot_frame": true,
      "small_air_mask": false
    },
    "webapi_port": null,
    "webapi_url": "https://mriqc.nimh.nih.gov/api/v1"
  },
  "qi_1": 5.808484005780782e-06,
  "qi_2": 0.0008361658241824838,
  "rpve_csf": 25.275822813071283,
  "rpve_gm": 12.36078913202225,
  "rpve_wm": 15.909209068261916,
  "size_x": 176,
  "size_y": 256,
  "size_z": 256,
  "snr_csf": 3.5959071836449437,
  "snr_gm": 8.644531316727846,
  "snr_total": 10.939117223788417,
  "snr_wm": 20.576913170992462,
  "snrd_csf": 55.951196545839544,
  "snrd_gm": 84.81792507491245,
  "snrd_total": 87.4898429007997,
  "snrd_wm": 121.7004070816471,
  "spacing_x": 1.0,
  "spacing_y": 1.0,
  "spacing_z": 1.0,
  "summary_bg_k": 12.254958231255255,
  "summary_bg_mad": 5.3831897999999825,
  "summary_bg_mean": 9.29312240876506,
  "summary_bg_median": 7.213400602340698,
  "summary_bg_n": 4219018.0,
  "summary_bg_p05": 1.4039504528045654,
  "summary_bg_p95": 23.867157697677612,
  "summary_bg_stdv": 7.947417473810299,
  "summary_csf_k": 0.8617086401814635,
  "summary_csf_mad": 99.58901129999967,
  "summary_csf_mean": 430.52403175522664,
  "summary_csf_median": 459.7453612089157,
  "summary_csf_n": 3404.0,
  "summary_csf_p05": 181.63003832101822,
  "summary_csf_p95": 589.5212157368659,
  "summary_csf_stdv": 127.83361822424249,
  "summary_gm_k": -0.03143421174269578,
  "summary_gm_mad": 79.09700212799974,
  "summary_gm_mean": 697.2586238999505,
  "summary_gm_median": 696.9403696060181,
  "summary_gm_n": 20383.0,
  "summary_gm_p05": 563.0325436592102,
  "summary_gm_p95": 831.2790631055831,
  "summary_gm_stdv": 80.62013401804168,
  "summary_wm_k": 0.8978002640670044,
  "summary_wm_mad": 44.213932223999855,
  "summary_wm_mean": 997.7798664304981,
  "summary_wm_median": 1000.0000190734863,
  "summary_wm_n": 235697.0,
  "summary_wm_p05": 913.9233326911926,
  "summary_wm_p95": 1072.6665580272675,
  "summary_wm_stdv": 48.59805206901574,
  "tpm_overlap_csf": 0.13669461011886597,
  "tpm_overlap_gm": 0.41661784052848816,
  "tpm_overlap_wm": 0.48254188895225525,
  "wm2max": 0.5378069694508076
}