{
  "aor": 0.011172399999999999,
  "aqi": 0.015459742533333334,
  "bids_meta": {
    "CogAtlasID": "https://www.cognitiveatlas.org/task/id/trm_4c8991fadfe01",
    "DeviceSerialNumber": "45031",
    "DwellTime": 5.4e-06,
    "EchoTime": 0.028,
    "EffectiveEchoSpacing": 0.000390001,
    "FlipAngle": 64,
    "InstitutionAddress": "Washington Rd, Princeton, NJ 08540, USA",
    "InstitutionName": "Princeton University",
    "InstitutionalDepartmentName": "Princeton Neuroscience Institute",
    "MagneticFieldStrength": 3,
    "Manufacturer": "Siemens",
    "ManufacturersModelName": "Skyra",
    "NumberOfVolumesDiscardedByScanner": 3,
    "ParallelReductionFactorInPlane": 2,
    "ParallelReductionType": "GRAPPA",
    "PartialFourier": 1,
    "PhaseEncodingDirection": "j-",
    "PixelBandwidth": 1445,
    "PulseSequenceDetails": "%SiemensSeq%_ep2d_bold",
    "PulseSequenceType": "Gradient Echo EPI",
    "ReceiveCoilActiveElements": "HE1-4",
    "ReceiveCoilName": "HeadNeck_20",
    "RepetitionTime": 1.5,
    "ScanOptions": "FS",
    "ScanningSequence": "EP",
    "SequenceName": "_epfid2d1_64",
    "SequenceVariant": "SK",
    "SliceTiming": [
      0,
      0.7775,
      0.055,
      0.8325,
      0.11,
      0.89,
      0.1675,
      0.945,
      0.2225,
      1,
      0.2775,
      1.055,
      0.3325,
      1.11,
      0.39,
      1.1675,
      0.445,
      1.2225,
      0.5,
      1.2775,
      0.555,
      1.3325,
      0.61,
      1.3875,
      0.6675,
      1.445,
      0.7225
    ],
    "SoftwareVersions": "syngo_MR_D11",
    "StationName": "AWP45031",
    "TaskDescription": "Passively listened to audio story 'pieman'",
    "TaskName": "pieman",
    "TotalReadoutTime": 0.0245701,
    "dataset": "ds002345",
    "modality": "bold",
    "subject_id": "037",
    "task_id": "pieman"
  },
  "dummy_trs": 0,
  "dvars_nstd": 21.999526894816047,
  "dvars_std": 1.1671523637458199,
  "dvars_vstd": 1.0957881936789298,
  "efc": 0.60110837638455,
  "fber": 1182.239990234375,
  "fd_mean": 0.2224417584755239,
  "fd_num": 149,
  "fd_perc": 49.666666666666664,
  "fwhm_avg": 1.731866388888889,
  "fwhm_x": 1.7011933333333333,
  "fwhm_y": 1.9288333333333334,
  "fwhm_z": 1.5655725,
  "gcor": 0.0661355,
  "gsr_x": -0.011601421050727367,
  "gsr_y": 0.035305336117744446,
  "provenance": {
    "md5sum": "ed24bf3c7024ed4db7072b256e9013ed",
    "settings": {
      "fd_thres": 0.2,
      "testing": false
    },
    "software": "mriqc",
    "version": "21.0.0rc2",
    "webapi_port": null,
    "webapi_url": "https://mriqc.nimh.nih.gov/api/v1"
  },
  "size_t": 300,
  "size_x": 64,
  "size_y": 64,
  "size_z": 27,
  "snr": 7.239364245951191,
  "spacing_tr": 1.5,
  "spacing_x": 3.0,
  "spacing_y": 3.0,
  "spacing_z": 4.0,
  "summary_bg_k": 15.37723128738823,
  "summary_bg_mad": 14.297228958526775,
  "summary_bg_mean": 48.31337356567383,
  "summary_bg_median": 19.220001220703125,
  "summary_bg_n": 55141.0,
  "summary_bg_p05": 7.930000305175781,
  "summary_bg_p95": 202.510009765625,
  "summary_bg_stdv": 74.12866973876953,
  "summary_fg_k": 2.5567215181342906,
  "summary_fg_mad": 89.26742166207313,
  "summary_fg_mean": 730.9290161132812,
  "summary_fg_median": 723.0833740234375,
  "summary_fg_n": 27147.0,
  "summary_fg_p05": 595.0163696289062,
  "summary_fg_p95": 899.8133666992187,
  "summary_fg_stdv": 99.88032531738281,
  "tsnr": 52.452986162970774
}