{
  "aor": 0.0009473482428115015,
  "aqi": 0.009068087795527155,
  "bids_meta": {
    "CogAtlasID": "https://www.cognitiveatlas.org/task/id/trm_4c8991fadfe01",
    "DeviceSerialNumber": "66018",
    "DwellTime": 4.2e-06,
    "EchoTime": 0.039,
    "EffectiveEchoSpacing": 0.000929976,
    "FlipAngle": 50,
    "InstitutionAddress": "Washington Rd, Princeton, NJ 08540, USA",
    "InstitutionName": "Princeton University",
    "InstitutionalDepartmentName": "Princeton Neuroscience Institute",
    "MagneticFieldStrength": 3,
    "Manufacturer": "Siemens",
    "ManufacturersModelName": "Prisma",
    "NumberOfVolumesDiscardedByScanner": 3,
    "ParallelReductionType": "GRAPPA",
    "PartialFourier": 0.75,
    "PhaseEncodingDirection": "j-",
    "PixelBandwidth": 1240,
    "PulseSequenceDetails": "%CustomerSeq%_ep2d_bold_sms_mgh_v22",
    "PulseSequenceType": "Gradient Echo EPI",
    "ReceiveCoilActiveElements": "HC1-7;NC1,2",
    "ReceiveCoilName": "HeadNeck_64",
    "RepetitionTime": 1.5,
    "ScanOptions": "PFP_FS",
    "ScanningSequence": "EP",
    "SequenceName": "epfSM2d1_96",
    "SequenceVariant": "SK",
    "SliceTiming": [
      0.6925,
      0,
      0.79,
      0.1,
      0.8875,
      0.1975,
      0.9875,
      0.2975,
      1.085,
      0.395,
      1.185,
      0.495,
      1.2825,
      0.5925,
      1.3825,
      0.6925,
      0,
      0.79,
      0.1,
      0.8875,
      0.1975,
      0.9875,
      0.2975,
      1.085,
      0.395,
      1.185,
      0.495,
      1.2825,
      0.5925,
      1.3825,
      0.6925,
      0,
      0.79,
      0.1,
      0.8875,
      0.1975,
      0.9875,
      0.2975,
      1.085,
      0.395,
      1.185,
      0.495,
      1.2825,
      0.5925,
      1.3825,
      0.6925,
      0,
      0.79,
      0.1,
      0.8875,
      0.1975,
      0.9875,
      0.2975,
      1.085,
      0.395,
      1.185,
      0.495,
      1.2825,
      0.5925,
      1.3825
    ],
    "SoftwareVersions": "syngo_MR_D13D",
    "StationName": "AWP66018",
    "TaskDescription": "Passively listened to audio story 'shapessocial'",
    "TaskName": "shapessocial",
    "TotalReadoutTime": 0.0883478,
    "dataset": "ds002345",
    "modality": "bold",
    "subject_id": "224",
    "task_id": "shapessocial"
  },
  "dummy_trs": 0,
  "dvars_nstd": 36.44828232746794,
  "dvars_std": 1.0614086227243587,
  "dvars_vstd": 0.9774002849358976,
  "efc": 0.6016122396195165,
  "fber": 217.70741271972656,
  "fd_mean": 0.11388088387639367,
  "fd_num": 13,
  "fd_perc": 4.15335463258786,
  "fwhm_avg": 2.71547,
  "fwhm_x": 2.43627,
  "fwhm_y": 2.93416,
  "fwhm_z": 2.77598,
  "gcor": 0.00889141,
  "gsr_x": 0.013285135850310326,
  "gsr_y": 0.031267400830984116,
  "provenance": {
    "md5sum": "16da3d6b7d98b0dbb950d8901512950d",
    "settings": {
      "fd_thres": 0.2,
      "testing": false
    },
    "software": "mriqc",
    "version": "22.0.0rc1",
    "webapi_port": null,
    "webapi_url": "https://mriqc.nimh.nih.gov/api/v1"
  },
  "size_t": 313,
  "size_x": 96,
  "size_y": 96,
  "size_z": 60,
  "snr": 2.2940902980318807,
  "spacing_tr": 1.5,
  "spacing_x": 2.0,
  "spacing_y": 2.0,
  "spacing_z": 2.0,
  "summary_bg_k": 76.23584096506242,
  "summary_bg_mad": 11.301881168342963,
  "summary_bg_mean": 48.386131286621094,
  "summary_bg_median": 30.169328689575195,
  "summary_bg_n": 311457.0,
  "summary_bg_p05": 20.993610382080078,
  "summary_bg_p95": 132.42363891601573,
  "summary_bg_stdv": 58.575592041015625,
  "summary_fg_k": 2.6331430307796584,
  "summary_fg_mad": 165.39538975167005,
  "summary_fg_mean": 497.6151428222656,
  "summary_fg_median": 457.9424743652344,
  "summary_fg_n": 152542.0,
  "summary_fg_p05": 252.57843704223632,
  "summary_fg_p95": 872.7410491943359,
  "summary_fg_stdv": 199.61767578125,
  "tsnr": 36.98254893254489
}