{
  "aor": 0.01296695512820513,
  "aqi": 0.010690148108974359,
  "bids_meta": {
    "CogAtlasID": "https://www.cognitiveatlas.org/task/id/trm_4c8991fadfe01",
    "DeviceSerialNumber": "66018",
    "DwellTime": 4.2e-06,
    "EchoTime": 0.039,
    "EffectiveEchoSpacing": 0.000929976,
    "FlipAngle": 50,
    "InstitutionAddress": "Washington Rd, Princeton, NJ 08540, USA",
    "InstitutionName": "Princeton University",
    "InstitutionalDepartmentName": "Princeton Neuroscience Institute",
    "MagneticFieldStrength": 3,
    "Manufacturer": "Siemens",
    "ManufacturersModelName": "Prisma",
    "NumberOfVolumesDiscardedByScanner": 3,
    "ParallelReductionType": "GRAPPA",
    "PartialFourier": 0.75,
    "PhaseEncodingDirection": "j-",
    "PixelBandwidth": 1240,
    "PulseSequenceDetails": "%CustomerSeq%_ep2d_bold_sms_mgh_v22",
    "PulseSequenceType": "Gradient Echo EPI",
    "ReceiveCoilActiveElements": "HC1-7;NC1,2",
    "ReceiveCoilName": "HeadNeck_64",
    "RepetitionTime": 1.5,
    "ScanOptions": "PFP_FS",
    "ScanningSequence": "EP",
    "SequenceName": "epfSM2d1_96",
    "SequenceVariant": "SK",
    "SliceTiming": [
      0.6925,
      0,
      0.79,
      0.1,
      0.8875,
      0.1975,
      0.9875,
      0.2975,
      1.085,
      0.395,
      1.185,
      0.495,
      1.2825,
      0.5925,
      1.3825,
      0.6925,
      0,
      0.79,
      0.1,
      0.8875,
      0.1975,
      0.9875,
      0.2975,
      1.085,
      0.395,
      1.185,
      0.495,
      1.2825,
      0.5925,
      1.3825,
      0.6925,
      0,
      0.79,
      0.1,
      0.8875,
      0.1975,
      0.9875,
      0.2975,
      1.085,
      0.395,
      1.185,
      0.495,
      1.2825,
      0.5925,
      1.3825,
      0.6925,
      0,
      0.79,
      0.1,
      0.8875,
      0.1975,
      0.9875,
      0.2975,
      1.085,
      0.395,
      1.185,
      0.495,
      1.2825,
      0.5925,
      1.3825
    ],
    "SoftwareVersions": "syngo_MR_D13D",
    "StationName": "AWP66018",
    "TaskDescription": "Passively listened to audio story 'shapesphysical'",
    "TaskName": "shapesphysical",
    "TotalReadoutTime": 0.0883478,
    "dataset": "ds002345",
    "modality": "bold",
    "subject_id": "224",
    "task_id": "shapesphysical"
  },
  "dummy_trs": 2,
  "dvars_nstd": 42.026992663022526,
  "dvars_std": 1.1233570152090033,
  "dvars_vstd": 1.0670980384565918,
  "efc": 0.6050740190201734,
  "fber": 204.75497436523438,
  "fd_mean": 0.18371180860240416,
  "fd_num": 42,
  "fd_perc": 13.461538461538462,
  "fwhm_avg": 2.7339266666666666,
  "fwhm_x": 2.436835,
  "fwhm_y": 2.974895,
  "fwhm_z": 2.79005,
  "gcor": 0.0141642,
  "gsr_x": 0.01301127951592207,
  "gsr_y": 0.030972065404057503,
  "provenance": {
    "md5sum": "33c1f7ce68bf3efb42a7165b8a91f508",
    "settings": {
      "fd_thres": 0.2,
      "testing": false
    },
    "software": "mriqc",
    "version": "22.0.0rc1",
    "webapi_port": null,
    "webapi_url": "https://mriqc.nimh.nih.gov/api/v1"
  },
  "size_t": 312,
  "size_x": 96,
  "size_y": 96,
  "size_z": 60,
  "snr": 2.29454350600956,
  "spacing_tr": 1.5,
  "spacing_x": 2.0,
  "spacing_y": 2.0,
  "spacing_z": 2.0,
  "summary_bg_k": 83.62678226285747,
  "summary_bg_mad": 11.913087529933506,
  "summary_bg_mean": 49.91996383666992,
  "summary_bg_median": 31.15705108642578,
  "summary_bg_n": 310413.0,
  "summary_bg_p05": 21.5256404876709,
  "summary_bg_p95": 136.4929504394529,
  "summary_bg_stdv": 61.40582275390625,
  "summary_fg_k": 2.682835068685801,
  "summary_fg_mad": 163.99386734198896,
  "summary_fg_mean": 494.71014404296875,
  "summary_fg_median": 455.88140869140625,
  "summary_fg_n": 153319.0,
  "summary_fg_p05": 250.10353088378906,
  "summary_fg_p95": 868.2310974121094,
  "summary_fg_stdv": 198.6800079345703,
  "tsnr": 29.688634012360126
}