{
  "aor": 0.006873889789303079,
  "aqi": 0.01566870502431118,
  "bids_meta": {
    "CogAtlasID": "https://www.cognitiveatlas.org/task/id/trm_4c8991fadfe01",
    "DeviceSerialNumber": "45031",
    "DwellTime": 4.9e-06,
    "EchoTime": 0.028,
    "EffectiveEchoSpacing": 0.000355001,
    "FlipAngle": 64,
    "InstitutionAddress": "Washington Rd, Princeton, NJ 08540, USA",
    "InstitutionName": "Princeton University",
    "InstitutionalDepartmentName": "Princeton Neuroscience Institute",
    "MagneticFieldStrength": 3,
    "Manufacturer": "Siemens",
    "ManufacturersModelName": "Skyra",
    "NumberOfVolumesDiscardedByScanner": 3,
    "ParallelReductionFactorInPlane": 2,
    "ParallelReductionType": "GRAPPA",
    "PartialFourier": 1,
    "PhaseEncodingDirection": "j-",
    "PixelBandwidth": 1595,
    "PulseSequenceDetails": "%SiemensSeq%_ep2d_bold",
    "PulseSequenceType": "Gradient Echo EPI",
    "ReceiveCoilActiveElements": "HE1-4",
    "ReceiveCoilName": "HeadNeck_20",
    "RepetitionTime": 1.5,
    "ScanOptions": "FS",
    "ScanningSequence": "EP",
    "SequenceName": "_epfid2d1_64",
    "SequenceVariant": "SK",
    "SliceTiming": [
      0,
      0.7675,
      0.055,
      0.8225,
      0.1075,
      0.875,
      0.1625,
      0.93,
      0.2175,
      0.985,
      0.2725,
      1.04,
      0.3275,
      1.095,
      0.3825,
      1.15,
      0.4375,
      1.205,
      0.4925,
      1.26,
      0.5475,
      1.315,
      0.6025,
      1.37,
      0.6575,
      1.425,
      0.7125
    ],
    "SoftwareVersions": "syngo_MR_D13",
    "StationName": "AWP45031",
    "TaskDescription": "Passively listened to audio story 'merlin'",
    "TaskName": "merlin",
    "TotalReadoutTime": 0.022365,
    "dataset": "ds002345",
    "modality": "bold",
    "subject_id": "167",
    "task_id": "merlin"
  },
  "dummy_trs": 0,
  "dvars_nstd": 19.038072182224013,
  "dvars_std": 1.1437368664285723,
  "dvars_vstd": 1.0382982067370135,
  "efc": 0.5836389540109392,
  "fber": 1700.9100341796875,
  "fd_mean": 0.1330576155774266,
  "fd_num": 81,
  "fd_perc": 13.128038897893031,
  "fwhm_avg": 1.6859933333333332,
  "fwhm_x": 1.65072,
  "fwhm_y": 1.88457,
  "fwhm_z": 1.52269,
  "gcor": 0.022134,
  "gsr_x": 0.010015947744250298,
  "gsr_y": 0.018717562779784203,
  "provenance": {
    "md5sum": "b69e1aec8c6a94cdf09ebdcd2215cbcd",
    "settings": {
      "fd_thres": 0.2,
      "testing": false
    },
    "software": "mriqc",
    "version": "22.0.0rc1",
    "webapi_port": null,
    "webapi_url": "https://mriqc.nimh.nih.gov/api/v1"
  },
  "size_t": 617,
  "size_x": 64,
  "size_y": 64,
  "size_z": 27,
  "snr": 7.992012323973281,
  "spacing_tr": 1.5,
  "spacing_x": 3.0,
  "spacing_y": 3.0,
  "spacing_z": 4.0,
  "summary_bg_k": 20.804745978036895,
  "summary_bg_mad": 12.651379818155709,
  "summary_bg_mean": 45.610172271728516,
  "summary_bg_median": 17.674230575561523,
  "summary_bg_n": 56678.0,
  "summary_bg_p05": 7.532981944084168,
  "summary_bg_p95": 178.60907669067333,
  "summary_bg_stdv": 81.43761444091797,
  "summary_fg_k": 3.313489093408486,
  "summary_fg_mad": 85.25926484045584,
  "summary_fg_mean": 757.8378295898438,
  "summary_fg_median": 750.898681640625,
  "summary_fg_n": 26086.0,
  "summary_fg_p05": 629.8776397705078,
  "summary_fg_p95": 911.2070159912109,
  "summary_fg_stdv": 93.954345703125,
  "tsnr": 61.069738742662594
}