{
  "aor": 0.00034796167247386765,
  "aqi": 0.010490593048780488,
  "bids_meta": {
    "AcquisitionMatrixPE": 96,
    "BandwidthPerPixelPhaseEncode": 20.425,
    "BaseResolution": 96,
    "BodyPartExamined": "BRAIN",
    "ConsistencyInfo": "N4_VE11C_LATEST_20160120",
    "ConversionSoftware": "dcm2niix",
    "ConversionSoftwareVersion": "v1.0.20180328 GCC6.3.0",
    "DerivedVendorReportedEchoSpacing": 0.000509996,
    "DeviceSerialNumber": "66018",
    "DwellTime": 2.1e-06,
    "EchoTime": 0.031,
    "EchoTrainLength": 96,
    "EffectiveEchoSpacing": 0.000509996,
    "FlipAngle": 67,
    "ImageOrientationPatientDICOM": [
      1,
      0,
      0,
      0,
      1,
      0
    ],
    "ImageType": [
      "ORIGINAL",
      "PRIMARY",
      "M",
      "ND",
      "NORM",
      "MOSAIC"
    ],
    "InPlanePhaseEncodingDirectionDICOM": "COL",
    "InstitutionAddress": "Washington Rd, Princeton, NJ 08540, USA",
    "InstitutionName": "Princeton University",
    "InstitutionalDepartmentName": "Princeton Neuroscience Institute",
    "MRAcquisitionType": "2D",
    "MagneticFieldStrength": 3,
    "Manufacturer": "Siemens",
    "ManufacturersModelName": "Prisma",
    "Modality": "MR",
    "MultibandAccelerationFactor": 3,
    "NumberOfVolumesDiscardedByScanner": 3,
    "PartialFourier": 1,
    "PatientPosition": "HFS",
    "PercentPhaseFOV": 100,
    "PhaseEncodingDirection": "j-",
    "PhaseEncodingSteps": 96,
    "PhaseResolution": 1,
    "PixelBandwidth": 2480,
    "ProcedureStepDescription": "Hasson_Nastase_042518_Storyteller",
    "ProtocolName": "func_task-forgot",
    "PulseSequenceDetails": "%SiemensSeq%_ep2d_bold",
    "ReceiveCoilActiveElements": "HC1-7;NC1,2",
    "ReceiveCoilName": "HeadNeck_64",
    "ReconMatrixPE": 96,
    "RepetitionTime": 1.5,
    "SAR": 0.0462689,
    "ScanOptions": "FS",
    "ScanningSequence": "EP",
    "SequenceName": "_epfid2d1_96",
    "SequenceVariant": "SK",
    "SeriesDescription": "func_task-forgot",
    "SeriesNumber": 11,
    "ShimSetting": [
      721,
      533,
      2078,
      479,
      -43,
      227,
      222,
      4
    ],
    "SliceThickness": 2.5,
    "SliceTiming": [
      1.11,
      0,
      0.74,
      0.0925,
      0.8325,
      0.185,
      0.925,
      0.2775,
      1.0175,
      0.4625,
      1.2025,
      0.555,
      1.295,
      0.6475,
      1.3875,
      0.37,
      1.11,
      0,
      0.74,
      0.0925,
      0.8325,
      0.185,
      0.925,
      0.2775,
      1.0175,
      0.4625,
      1.2025,
      0.555,
      1.295,
      0.6475,
      1.3875,
      0.37,
      1.11,
      0,
      0.74,
      0.0925,
      0.8325,
      0.185,
      0.925,
      0.2775,
      1.0175,
      0.4625,
      1.2025,
      0.555,
      1.295,
      0.6475,
      1.3875,
      0.37
    ],
    "SoftwareVersions": "syngo_MR_E11",
    "SpacingBetweenSlices": 2.5,
    "StationName": "AWP66018",
    "TaskDescription": "Passively listened to audio story 'forgot'",
    "TaskName": "forgot",
    "TotalReadoutTime": 0.0484496,
    "TxRefAmp": 252.391,
    "dataset": "ds002345",
    "modality": "bold",
    "subject_id": "298",
    "task_id": "forgot"
  },
  "dummy_trs": 0,
  "dvars_nstd": 26.97410241631763,
  "dvars_std": 1.165806121273997,
  "dvars_vstd": 0.989051564310646,
  "efc": 0.4847203443334594,
  "fber": 2789.47607421875,
  "fd_mean": 0.14790353184789992,
  "fd_num": 110,
  "fd_perc": 19.16376306620209,
  "fwhm_avg": 1.829536,
  "fwhm_x": 1.71374,
  "fwhm_y": 2.034128,
  "fwhm_z": 1.74074,
  "gcor": 0.0111281,
  "gsr_x": -0.017564045265316963,
  "gsr_y": 0.03322427347302437,
  "provenance": {
    "md5sum": "f5afdd88edd6b3ddea93032b808c4614",
    "settings": {
      "fd_thres": 0.2,
      "testing": false
    },
    "software": "mriqc",
    "version": "22.0.0rc1",
    "webapi_port": null,
    "webapi_url": "https://mriqc.nimh.nih.gov/api/v1"
  },
  "size_t": 574,
  "size_x": 96,
  "size_y": 96,
  "size_z": 48,
  "snr": 6.219869398648096,
  "spacing_tr": 1.5,
  "spacing_x": 2.5,
  "spacing_y": 2.5,
  "spacing_z": 2.5,
  "summary_bg_k": 18.075256001213422,
  "summary_bg_mad": 8.218885912526765,
  "summary_bg_mean": 35.60554122924805,
  "summary_bg_median": 12.96167278289795,
  "summary_bg_n": 309838.0,
  "summary_bg_p05": 6.055749416351318,
  "summary_bg_p95": 150.40984802246004,
  "summary_bg_stdv": 61.4134521484375,
  "summary_fg_k": 3.4876893517965692,
  "summary_fg_mad": 95.6252188587275,
  "summary_fg_mean": 692.9778442382812,
  "summary_fg_median": 693.3780517578125,
  "summary_fg_n": 70353.0,
  "summary_fg_p05": 532.297216796875,
  "summary_fg_p95": 863.2275146484375,
  "summary_fg_stdv": 111.47711944580078,
  "tsnr": 54.44041797844693
}