{
  "aor": 0.0023934736842105265,
  "aqi": 0.008183365115789473,
  "bids_meta": {
    "CogAtlasID": "https://www.cognitiveatlas.org/task/id/trm_4c8991fadfe01",
    "DeviceSerialNumber": "45031",
    "DwellTime": 5.4e-06,
    "EchoTime": 0.028,
    "EffectiveEchoSpacing": 0.000390001,
    "FlipAngle": 64,
    "InstitutionAddress": "Washington Rd, Princeton, NJ 08540, USA",
    "InstitutionName": "Princeton University",
    "InstitutionalDepartmentName": "Princeton Neuroscience Institute",
    "MagneticFieldStrength": 3,
    "Manufacturer": "Siemens",
    "ManufacturersModelName": "Skyra",
    "NumberOfVolumesDiscardedByScanner": 3,
    "ParallelReductionFactorInPlane": 2,
    "ParallelReductionType": "GRAPPA",
    "PartialFourier": 1,
    "PhaseEncodingDirection": "j-",
    "PixelBandwidth": 1445,
    "PulseSequenceDetails": "%SiemensSeq%_ep2d_bold",
    "PulseSequenceType": "Gradient Echo EPI",
    "ReceiveCoilActiveElements": "HE1-4",
    "ReceiveCoilName": "HeadNeck_20",
    "RepetitionTime": 1.5,
    "ScanOptions": "FS",
    "ScanningSequence": "EP",
    "SequenceName": "_epfid2d1_64",
    "SequenceVariant": "SK",
    "SliceTiming": [
      0,
      0.7775,
      0.055,
      0.8325,
      0.11,
      0.8875,
      0.165,
      0.9425,
      0.22,
      0.9975,
      0.2775,
      1.055,
      0.3325,
      1.11,
      0.3875,
      1.165,
      0.4425,
      1.22,
      0.5,
      1.2775,
      0.555,
      1.3325,
      0.61,
      1.3875,
      0.665,
      1.4425,
      0.72
    ],
    "SoftwareVersions": "syngo_MR_D11",
    "StationName": "AWP45031",
    "TaskDescription": "Passively listened to audio story 'prettymouth'",
    "TaskName": "prettymouth",
    "TotalReadoutTime": 0.0245701,
    "dataset": "ds002345",
    "modality": "bold",
    "subject_id": "079",
    "task_id": "prettymouth"
  },
  "dummy_trs": 0,
  "dvars_nstd": 20.257701925928252,
  "dvars_std": 1.2290367782489453,
  "dvars_vstd": 1.0143287190295356,
  "efc": 0.5873885379067005,
  "fber": 1722.6519775390625,
  "fd_mean": 0.12213862155292371,
  "fd_num": 31,
  "fd_perc": 6.526315789473684,
  "fwhm_avg": 1.7417143472432286,
  "fwhm_x": 1.6708532005458512,
  "fwhm_y": 1.9983698411838342,
  "fwhm_z": 1.55592,
  "gcor": 0.0847068,
  "gsr_x": -0.00511205056682229,
  "gsr_y": 0.04992271214723587,
  "provenance": {
    "md5sum": "05caa684a3d66253b3881d07e45595ee",
    "settings": {
      "fd_thres": 0.2,
      "testing": false
    },
    "software": "mriqc",
    "version": "21.0.0rc2",
    "webapi_port": null,
    "webapi_url": "https://mriqc.nimh.nih.gov/api/v1"
  },
  "size_t": 475,
  "size_x": 64,
  "size_y": 64,
  "size_z": 27,
  "snr": 7.76505615364424,
  "spacing_tr": 1.5,
  "spacing_x": 3.000000238418579,
  "spacing_y": 3.000000238418579,
  "spacing_z": 4.0,
  "summary_bg_k": 15.518446776695143,
  "summary_bg_mad": 15.17560392286995,
  "summary_bg_mean": 50.562171936035156,
  "summary_bg_median": 18.83578872680664,
  "summary_bg_n": 56588.0,
  "summary_bg_p05": 7.031578540802002,
  "summary_bg_p95": 201.49009323120103,
  "summary_bg_stdv": 76.08705139160156,
  "summary_fg_k": 2.568159217508647,
  "summary_fg_mad": 99.58405816270042,
  "summary_fg_mean": 829.7115478515625,
  "summary_fg_median": 824.568359375,
  "summary_fg_n": 25792.0,
  "summary_fg_p05": 678.9454315185546,
  "summary_fg_p95": 1003.2671234130858,
  "summary_fg_stdv": 106.18756103515625,
  "tsnr": 69.39461774239317
}