{
  "aor": 0.0015374999999999998,
  "aqi": 0.009423823433333332,
  "bids_meta": {
    "CogAtlasID": "https://www.cognitiveatlas.org/task/id/trm_4c8991fadfe01",
    "DeviceSerialNumber": "45031",
    "DwellTime": 5.4e-06,
    "EchoTime": 0.028,
    "EffectiveEchoSpacing": 0.000390001,
    "FlipAngle": 64,
    "InstitutionAddress": "Washington Rd, Princeton, NJ 08540, USA",
    "InstitutionName": "Princeton University",
    "InstitutionalDepartmentName": "Princeton Neuroscience Institute",
    "MagneticFieldStrength": 3,
    "Manufacturer": "Siemens",
    "ManufacturersModelName": "Skyra",
    "NumberOfVolumesDiscardedByScanner": 3,
    "ParallelReductionFactorInPlane": 2,
    "ParallelReductionType": "GRAPPA",
    "PartialFourier": 1,
    "PhaseEncodingDirection": "j-",
    "PixelBandwidth": 1445,
    "PulseSequenceDetails": "%SiemensSeq%_ep2d_bold",
    "PulseSequenceType": "Gradient Echo EPI",
    "ReceiveCoilActiveElements": "HE1-4",
    "ReceiveCoilName": "HeadNeck_20",
    "RepetitionTime": 1.5,
    "ScanOptions": "FS",
    "ScanningSequence": "EP",
    "SequenceName": "_epfid2d1_64",
    "SequenceVariant": "SK",
    "SliceTiming": [
      0,
      0.7775,
      0.055,
      0.8325,
      0.11,
      0.89,
      0.1675,
      0.945,
      0.2225,
      1,
      0.2775,
      1.055,
      0.3325,
      1.11,
      0.39,
      1.1675,
      0.445,
      1.2225,
      0.5,
      1.2775,
      0.555,
      1.3325,
      0.61,
      1.3875,
      0.6675,
      1.445,
      0.7225
    ],
    "SoftwareVersions": "syngo_MR_D11",
    "StationName": "AWP45031",
    "TaskDescription": "Passively listened to audio story 'pieman'",
    "TaskName": "pieman",
    "TotalReadoutTime": 0.0245701,
    "dataset": "ds002345",
    "modality": "bold",
    "subject_id": "079",
    "task_id": "pieman"
  },
  "dummy_trs": 0,
  "dvars_nstd": 23.630866283511704,
  "dvars_std": 1.277850818361204,
  "dvars_vstd": 0.9953956527759197,
  "efc": 0.5957771224730115,
  "fber": 1672.029052734375,
  "fd_mean": 0.13965730842834956,
  "fd_num": 45,
  "fd_perc": 15.0,
  "fwhm_avg": 1.812411143412857,
  "fwhm_x": 1.76464,
  "fwhm_y": 2.0467933333333335,
  "fwhm_z": 1.625800096905237,
  "gcor": 0.0629623,
  "gsr_x": -0.01470902469009161,
  "gsr_y": 0.04614487290382385,
  "provenance": {
    "md5sum": "c9b04ed75fd621765fc39ea8bc74cb80",
    "settings": {
      "fd_thres": 0.2,
      "testing": false
    },
    "software": "mriqc",
    "version": "21.0.0rc2",
    "webapi_port": null,
    "webapi_url": "https://mriqc.nimh.nih.gov/api/v1"
  },
  "size_t": 300,
  "size_x": 64,
  "size_y": 64,
  "size_z": 27,
  "snr": 7.234439195379856,
  "spacing_tr": 1.5,
  "spacing_x": 3.0,
  "spacing_y": 3.0,
  "spacing_z": 3.999999761581421,
  "summary_bg_k": 13.190337537061875,
  "summary_bg_mad": 11.514876853348266,
  "summary_bg_mean": 43.95772171020508,
  "summary_bg_median": 16.303333282470703,
  "summary_bg_n": 55423.0,
  "summary_bg_p05": 7.143333435058594,
  "summary_bg_p95": 179.33567199706988,
  "summary_bg_stdv": 64.32731628417969,
  "summary_fg_k": 2.1293366490714263,
  "summary_fg_mad": 92.25742059419362,
  "summary_fg_mean": 715.31787109375,
  "summary_fg_median": 710.1600341796875,
  "summary_fg_n": 26535.0,
  "summary_fg_p05": 574.891015625,
  "summary_fg_p95": 878.0246643066406,
  "summary_fg_stdv": 98.16194915771484,
  "tsnr": 62.55492035206407
}