{
  "aor": 0.0005314141414141413,
  "aqi": 0.005584529360269361,
  "bids_meta": {
    "CogAtlasID": "https://www.cognitiveatlas.org/task/id/trm_4c8991fadfe01",
    "DeviceSerialNumber": "45031",
    "DwellTime": 5.4e-06,
    "EchoTime": 0.028,
    "EffectiveEchoSpacing": 0.000390001,
    "FlipAngle": 64,
    "InstitutionAddress": "Washington Rd, Princeton, NJ 08540, USA",
    "InstitutionName": "Princeton University",
    "InstitutionalDepartmentName": "Princeton Neuroscience Institute",
    "MagneticFieldStrength": 3,
    "Manufacturer": "Siemens",
    "ManufacturersModelName": "Skyra",
    "NumberOfVolumesDiscardedByScanner": 3,
    "ParallelReductionFactorInPlane": 2,
    "ParallelReductionType": "GRAPPA",
    "PartialFourier": 1,
    "PhaseEncodingDirection": "j-",
    "PixelBandwidth": 1445,
    "PulseSequenceDetails": "%SiemensSeq%_ep2d_bold",
    "PulseSequenceType": "Gradient Echo EPI",
    "ReceiveCoilActiveElements": "HE1-4",
    "ReceiveCoilName": "HeadNeck_20",
    "RepetitionTime": 1.5,
    "ScanOptions": "FS",
    "ScanningSequence": "EP",
    "SequenceName": "_epfid2d1_64",
    "SequenceVariant": "SK",
    "SliceTiming": [
      0,
      0.7775,
      0.055,
      0.8325,
      0.11,
      0.8875,
      0.165,
      0.9425,
      0.22,
      0.9975,
      0.2775,
      1.055,
      0.3325,
      1.11,
      0.3875,
      1.165,
      0.4425,
      1.22,
      0.5,
      1.2775,
      0.555,
      1.3325,
      0.61,
      1.3875,
      0.665,
      1.4425,
      0.72
    ],
    "SoftwareVersions": "syngo_MR_D11",
    "StationName": "AWP45031",
    "TaskDescription": "Passively listened to audio story 'milkyway'",
    "TaskName": "milkyway",
    "TotalReadoutTime": 0.0245701,
    "dataset": "ds002345",
    "modality": "bold",
    "subject_id": "079",
    "task_id": "milkyway"
  },
  "dummy_trs": 0,
  "dvars_nstd": 20.307896382297308,
  "dvars_std": 1.218967934695947,
  "dvars_vstd": 1.0012156948648652,
  "efc": 0.5863364090652236,
  "fber": 1776.62109375,
  "fd_mean": 0.12542057526704653,
  "fd_num": 27,
  "fd_perc": 9.090909090909092,
  "fwhm_avg": 1.7413543472241548,
  "fwhm_x": 1.6715032004941939,
  "fwhm_y": 1.9984398411782711,
  "fwhm_z": 1.55412,
  "gcor": 0.089999,
  "gsr_x": -0.0051436275243759155,
  "gsr_y": 0.049105215817689896,
  "provenance": {
    "md5sum": "2bac59ae9c49b43e51a6b57dc5777d8b",
    "settings": {
      "fd_thres": 0.2,
      "testing": false
    },
    "software": "mriqc",
    "version": "21.0.0rc2",
    "webapi_port": null,
    "webapi_url": "https://mriqc.nimh.nih.gov/api/v1"
  },
  "size_t": 297,
  "size_x": 64,
  "size_y": 64,
  "size_z": 27,
  "snr": 7.730485209290701,
  "spacing_tr": 1.5,
  "spacing_x": 3.000000238418579,
  "spacing_y": 3.000000238418579,
  "spacing_z": 4.0,
  "summary_bg_k": 16.499374262093042,
  "summary_bg_mad": 14.626345623221876,
  "summary_bg_mean": 49.9442024230957,
  "summary_bg_median": 18.562288284301758,
  "summary_bg_n": 56639.0,
  "summary_bg_p05": 7.070706844329834,
  "summary_bg_p95": 198.38921661376912,
  "summary_bg_stdv": 75.14545440673828,
  "summary_fg_k": 2.667591997230505,
  "summary_fg_mad": 100.682209970725,
  "summary_fg_mean": 830.735595703125,
  "summary_fg_median": 824.5084228515625,
  "summary_fg_n": 25751.0,
  "summary_fg_p05": 678.8619079589844,
  "summary_fg_p95": 1005.7710266113281,
  "summary_fg_stdv": 106.65467834472656,
  "tsnr": 81.76657359208912
}