{
  "bids_meta": {
    "DeviceSerialNumber": "66018",
    "DwellTime": 9.8e-06,
    "EchoTime": 0.00267,
    "FlipAngle": 7,
    "InstitutionAddress": "Washington Rd, Building 25, Princeton, NJ 08540, USA",
    "InstitutionName": "Princeton University",
    "InstitutionalDepartmentName": "Princeton Neuroscience Institute",
    "InversionTime": 1.2,
    "MagneticFieldStrength": 3,
    "Manufacturer": "Siemens",
    "ManufacturersModelName": "Prisma",
    "ParallelReductionFactorInPlane": 2,
    "ParellelReductionType": "TODO",
    "PartialFourier": 1,
    "PixelBandwidth": 200,
    "PulseSequenceDetails": "%SiemensSeq%_tfl",
    "PulseSequenceType": "MPRAGE",
    "ReceiveCoilActiveElements": "HC1-7;NC1",
    "ReceiveCoilName": "HeadNeck_64",
    "RepetitionTime": 2.53,
    "ScanOptions": "IR",
    "ScanningSequence": "GR_IR",
    "SequenceName": "_tfl3d1_16",
    "SequenceVariant": "SK_SP_MP",
    "SoftwareVersions": "syngo_MR_D13D",
    "StationName": "AWP66018",
    "dataset": "ds002345",
    "modality": "T1w",
    "run_id": 2,
    "subject_id": "089"
  },
  "cjv": 0.4321587661056989,
  "cnr": 2.8373703701746735,
  "efc": 0.6017675997196901,
  "fber": 302.62659616817564,
  "fwhm_avg": 3.7663100000000003,
  "fwhm_x": 3.60794,
  "fwhm_y": 3.782,
  "fwhm_z": 3.90899,
  "icvs_csf": 0.17343753466247072,
  "icvs_gm": 0.41570743584415254,
  "icvs_wm": 0.4108550294933767,
  "inu_med": 1.2147372961044312,
  "inu_range": 0.5726363658905029,
  "provenance": {
    "md5sum": "e401a1a90714a4707ad2aded68d6d2f9",
    "settings": {
      "testing": false
    },
    "software": "mriqc",
    "version": "21.0.0rc2",
    "warnings": {
      "large_rot_frame": true,
      "small_air_mask": false
    },
    "webapi_port": null,
    "webapi_url": "https://mriqc.nimh.nih.gov/api/v1"
  },
  "qi_1": 3.634823792829583e-06,
  "qi_2": 0.0021892460878883066,
  "rpve_csf": 29.86561219459392,
  "rpve_gm": 13.63732469532305,
  "rpve_wm": 16.868462244133156,
  "size_x": 176,
  "size_y": 256,
  "size_z": 256,
  "snr_csf": 2.2503399662154537,
  "snr_gm": 10.747905983711654,
  "snr_total": 9.897522501692753,
  "snr_wm": 16.694321555151156,
  "snrd_csf": 8.29238876753382,
  "snrd_gm": 17.86707131392015,
  "snrd_total": 16.862691227926877,
  "snrd_wm": 24.42861360232666,
  "spacing_x": 1.0,
  "spacing_y": 1.0,
  "spacing_z": 1.0,
  "summary_bg_k": 10.482927433822637,
  "summary_bg_mad": 26.818402903772164,
  "summary_bg_mean": 44.08590381180262,
  "summary_bg_median": 41.296929866075516,
  "summary_bg_n": 3610043.0,
  "summary_bg_p05": 5.870307385921478,
  "summary_bg_p95": 90.4436893761158,
  "summary_bg_stdv": 27.25535219504699,
  "summary_csf_k": -0.057872789869361174,
  "summary_csf_mad": 196.63455412086535,
  "summary_csf_mean": 357.1864759258117,
  "summary_csf_median": 339.4539375603199,
  "summary_csf_n": 6069.0,
  "summary_csf_p05": 151.9044425189495,
  "summary_csf_p95": 583.2355166077613,
  "summary_csf_stdv": 150.8331964447179,
  "summary_gm_k": 0.41029909998278935,
  "summary_gm_mad": 63.756957846703635,
  "summary_gm_mean": 730.0964433073094,
  "summary_gm_median": 731.3993446528912,
  "summary_gm_n": 18742.0,
  "summary_gm_p05": 615.6348352208734,
  "summary_gm_p95": 841.2287002801895,
  "summary_gm_stdv": 68.04858855234058,
  "summary_wm_k": 2.314043914790113,
  "summary_wm_mad": 52.32118604245362,
  "summary_wm_mean": 1006.2630389604961,
  "summary_wm_median": 1000.000037252903,
  "summary_wm_n": 211923.0,
  "summary_wm_p05": 921.1604438722134,
  "summary_wm_p95": 1110.5119867622852,
  "summary_wm_stdv": 59.90046822801112,
  "tpm_overlap_csf": 0.16827256977558136,
  "tpm_overlap_gm": 0.4358137547969818,
  "tpm_overlap_wm": 0.4936284124851227,
  "wm2max": 0.36542019924379177
}