{
  "aor": 0.00044600000000000005,
  "aqi": 0.008589027423728813,
  "bids_meta": {
    "CogAtlasID": "https://www.cognitiveatlas.org/task/id/trm_4c8991fadfe01",
    "DeviceSerialNumber": "45031",
    "DwellTime": 5.4e-06,
    "EchoTime": 0.028,
    "EffectiveEchoSpacing": 0.000390001,
    "FlipAngle": 64,
    "InstitutionAddress": "Washington Rd, Princeton, NJ 08540, USA",
    "InstitutionName": "Princeton University",
    "InstitutionalDepartmentName": "Princeton Neuroscience Institute",
    "MagneticFieldStrength": 3,
    "Manufacturer": "Siemens",
    "ManufacturersModelName": "Skyra",
    "NumberOfVolumesDiscardedByScanner": 3,
    "ParallelReductionFactorInPlane": 2,
    "ParallelReductionType": "GRAPPA",
    "PartialFourier": 1,
    "PhaseEncodingDirection": "j-",
    "PixelBandwidth": 1445,
    "PulseSequenceDetails": "%SiemensSeq%_ep2d_bold",
    "PulseSequenceType": "Gradient Echo EPI",
    "ReceiveCoilActiveElements": "HE1-4",
    "ReceiveCoilName": "HeadNeck_20",
    "RepetitionTime": 1.52,
    "ScanOptions": "FS",
    "ScanningSequence": "EP",
    "SequenceName": "_epfid2d1_64",
    "SequenceVariant": "SK",
    "SliceTiming": [
      0,
      0.7775,
      0.0575,
      0.835,
      0.1125,
      0.89,
      0.1675,
      0.945,
      0.2225,
      1,
      0.2775,
      1.055,
      0.335,
      1.1125,
      0.39,
      1.1675,
      0.445,
      1.2225,
      0.5,
      1.2775,
      0.5575,
      1.335,
      0.6125,
      1.39,
      0.6675,
      1.445,
      0.7225
    ],
    "SoftwareVersions": "syngo_MR_E11",
    "StationName": "AWP45031",
    "TaskDescription": "Passively listened to audio story 'milkyway'",
    "TaskName": "milkyway",
    "TotalReadoutTime": 0.0245701,
    "dataset": "ds002345",
    "modality": "bold",
    "subject_id": "125",
    "task_id": "milkyway"
  },
  "dummy_trs": 2,
  "dvars_nstd": 24.158378276836764,
  "dvars_std": 1.239457481292517,
  "dvars_vstd": 0.9796644841156461,
  "efc": 0.5940967126560814,
  "fber": 1755.643310546875,
  "fd_mean": 0.15698877346297443,
  "fd_num": 90,
  "fd_perc": 30.508474576271187,
  "fwhm_avg": 1.6307141666666667,
  "fwhm_x": 1.6064633333333334,
  "fwhm_y": 1.8168866666666668,
  "fwhm_z": 1.4687925,
  "gcor": 0.016301,
  "gsr_x": -0.0012731739552691579,
  "gsr_y": 0.042677901685237885,
  "provenance": {
    "md5sum": "012a69658c664dd0acfeebcb8bc148c7",
    "settings": {
      "fd_thres": 0.2,
      "testing": false
    },
    "software": "mriqc",
    "version": "22.0.0rc1",
    "webapi_port": null,
    "webapi_url": "https://mriqc.nimh.nih.gov/api/v1"
  },
  "size_t": 295,
  "size_x": 64,
  "size_y": 64,
  "size_z": 27,
  "snr": 8.141521498106734,
  "spacing_tr": 1.5199999809265137,
  "spacing_x": 3.0,
  "spacing_y": 3.0,
  "spacing_z": 4.0,
  "summary_bg_k": 23.879346927599904,
  "summary_bg_mad": 11.941230186791126,
  "summary_bg_mean": 42.497493743896484,
  "summary_bg_median": 16.525423049926758,
  "summary_bg_n": 54768.0,
  "summary_bg_p05": 6.570677828788758,
  "summary_bg_p95": 164.1286399841308,
  "summary_bg_stdv": 71.63907623291016,
  "summary_fg_k": 2.971518274975769,
  "summary_fg_mad": 84.16654248391504,
  "summary_fg_mean": 730.6945190429688,
  "summary_fg_median": 726.9050903320312,
  "summary_fg_n": 27095.0,
  "summary_fg_p05": 604.4186462402344,
  "summary_fg_p95": 871.9766052246093,
  "summary_fg_stdv": 89.28204345703125,
  "tsnr": 73.24838986806571
}