{
  "aor": 0.0007743713733075434,
  "aqi": 0.0049988368471953586,
  "bids_meta": {
    "CogAtlasID": "https://www.cognitiveatlas.org/task/id/trm_4c8991fadfe01",
    "DeviceSerialNumber": "66018",
    "DwellTime": 4.2e-06,
    "EchoTime": 0.039,
    "EffectiveEchoSpacing": 0.000929976,
    "FlipAngle": 50,
    "InstitutionAddress": "Washington Rd, Princeton, NJ 08540, USA",
    "InstitutionName": "Princeton University",
    "InstitutionalDepartmentName": "Princeton Neuroscience Institute",
    "MagneticFieldStrength": 3,
    "Manufacturer": "Siemens",
    "ManufacturersModelName": "Prisma",
    "NumberOfVolumesDiscardedByScanner": 3,
    "ParallelReductionType": "GRAPPA",
    "PartialFourier": 0.75,
    "PhaseEncodingDirection": "j-",
    "PixelBandwidth": 1240,
    "PulseSequenceDetails": "%CustomerSeq%_ep2d_bold_sms_mgh_v22",
    "PulseSequenceType": "Gradient Echo EPI",
    "ReceiveCoilActiveElements": "HC1-7;NC1,2",
    "ReceiveCoilName": "HeadNeck_64",
    "RepetitionTime": 1.5,
    "ScanOptions": "PFP_FS",
    "ScanningSequence": "EP",
    "SequenceName": "epfSM2d1_96",
    "SequenceVariant": "SK",
    "SliceTiming": [
      0.6925,
      0,
      0.79,
      0.1,
      0.8875,
      0.1975,
      0.9875,
      0.2975,
      1.085,
      0.395,
      1.185,
      0.495,
      1.2825,
      0.5925,
      1.3825,
      0.6925,
      0,
      0.79,
      0.1,
      0.8875,
      0.1975,
      0.9875,
      0.2975,
      1.085,
      0.395,
      1.185,
      0.495,
      1.2825,
      0.5925,
      1.3825,
      0.6925,
      0,
      0.79,
      0.1,
      0.8875,
      0.1975,
      0.9875,
      0.2975,
      1.085,
      0.395,
      1.185,
      0.495,
      1.2825,
      0.5925,
      1.3825,
      0.6925,
      0,
      0.79,
      0.1,
      0.8875,
      0.1975,
      0.9875,
      0.2975,
      1.085,
      0.395,
      1.185,
      0.495,
      1.2825,
      0.5925,
      1.3825
    ],
    "SoftwareVersions": "syngo_MR_D13D",
    "StationName": "AWP66018",
    "TaskDescription": "Passively listened to audio story 'schema'",
    "TaskName": "schema",
    "TotalReadoutTime": 0.0883478,
    "dataset": "ds002345",
    "modality": "bold",
    "run_id": 2,
    "subject_id": "196",
    "task_id": "schema"
  },
  "dummy_trs": 2,
  "dvars_nstd": 35.35419299246124,
  "dvars_std": 1.1180587288372092,
  "dvars_vstd": 1.0096500935465118,
  "efc": 0.5822971969597143,
  "fber": 318.4931945800781,
  "fd_mean": 0.12771403534690887,
  "fd_num": 35,
  "fd_perc": 6.769825918762089,
  "fwhm_avg": 2.8717183333333334,
  "fwhm_x": 2.74298,
  "fwhm_y": 2.99566,
  "fwhm_z": 2.876515,
  "gcor": 0.0125019,
  "gsr_x": -0.004497284069657326,
  "gsr_y": 0.04615696147084236,
  "provenance": {
    "md5sum": "84de8568e1aa62ebefc3cc15f9488874",
    "settings": {
      "fd_thres": 0.2,
      "testing": false
    },
    "software": "mriqc",
    "version": "22.0.0rc1",
    "webapi_port": null,
    "webapi_url": "https://mriqc.nimh.nih.gov/api/v1"
  },
  "size_t": 517,
  "size_x": 96,
  "size_y": 96,
  "size_z": 60,
  "snr": 2.205166730470026,
  "spacing_tr": 1.5,
  "spacing_x": 2.0,
  "spacing_y": 2.0,
  "spacing_z": 2.0,
  "summary_bg_k": 92.68121960995214,
  "summary_bg_mad": 6.707558502264763,
  "summary_bg_mean": 38.29829025268555,
  "summary_bg_median": 25.64603614807129,
  "summary_bg_n": 310140.0,
  "summary_bg_p05": 19.80851173400879,
  "summary_bg_p95": 96.96711730957031,
  "summary_bg_stdv": 43.90973663330078,
  "summary_fg_k": 3.9753900676017286,
  "summary_fg_mad": 178.44138889048162,
  "summary_fg_mean": 511.9186706542969,
  "summary_fg_median": 470.9729309082031,
  "summary_fg_n": 154338.0,
  "summary_fg_p05": 252.1317268371582,
  "summary_fg_p95": 908.2723480224608,
  "summary_fg_stdv": 213.57632446289062,
  "tsnr": 41.56107543036342
}