{
  "bids_meta": {
    "DeviceSerialNumber": "66018",
    "DwellTime": 9.8e-06,
    "EchoTime": 0.00267,
    "FlipAngle": 7,
    "InstitutionAddress": "Washington Rd, Building 25, Princeton, NJ 08540, USA",
    "InstitutionName": "Princeton University",
    "InstitutionalDepartmentName": "Princeton Neuroscience Institute",
    "InversionTime": 1.2,
    "MagneticFieldStrength": 3,
    "Manufacturer": "Siemens",
    "ManufacturersModelName": "Prisma",
    "ParallelReductionFactorInPlane": 2,
    "ParellelReductionType": "TODO",
    "PartialFourier": 1,
    "PixelBandwidth": 200,
    "PulseSequenceDetails": "%SiemensSeq%_tfl",
    "PulseSequenceType": "MPRAGE",
    "ReceiveCoilActiveElements": "HC1-7;NC1",
    "ReceiveCoilName": "HeadNeck_64",
    "RepetitionTime": 2.53,
    "ScanOptions": "IR",
    "ScanningSequence": "GR_IR",
    "SequenceName": "_tfl3d1_16",
    "SequenceVariant": "SK_SP_MP",
    "SoftwareVersions": "syngo_MR_D13D",
    "StationName": "AWP66018",
    "dataset": "ds002345",
    "modality": "T1w",
    "subject_id": "197"
  },
  "cjv": 0.39900683622569677,
  "cnr": 3.03704395839824,
  "efc": 0.5832107766320909,
  "fber": 423.78141731099726,
  "fwhm_avg": 3.72982,
  "fwhm_x": 3.60202,
  "fwhm_y": 3.74374,
  "fwhm_z": 3.8437,
  "icvs_csf": 0.18826421185313671,
  "icvs_gm": 0.4185454923768856,
  "icvs_wm": 0.39319029576997766,
  "inu_med": 1.0654977560043335,
  "inu_range": 0.4766614079475402,
  "provenance": {
    "md5sum": "2f95ecea7cae6e4b7685a2b67bd330fc",
    "settings": {
      "testing": false
    },
    "software": "mriqc",
    "version": "22.0.0rc1",
    "warnings": {
      "large_rot_frame": true,
      "small_air_mask": false
    },
    "webapi_port": null,
    "webapi_url": "https://mriqc.nimh.nih.gov/api/v1"
  },
  "qi_1": 3.4194092658503345e-05,
  "qi_2": 0.002247627433023966,
  "rpve_csf": 26.95913372639454,
  "rpve_gm": 12.965590987990911,
  "rpve_wm": 16.75770671740085,
  "size_x": 176,
  "size_y": 256,
  "size_z": 256,
  "snr_csf": 2.5812746512974005,
  "snr_gm": 10.62451721638388,
  "snr_total": 11.001010516105318,
  "snr_wm": 19.79723968063467,
  "snrd_csf": 12.116342224430449,
  "snrd_gm": 23.025844237619676,
  "snrd_total": 22.195577080202714,
  "snrd_wm": 31.44454477855802,
  "spacing_x": 1.0,
  "spacing_y": 1.0,
  "spacing_z": 1.0,
  "summary_bg_k": 9.898334209875163,
  "summary_bg_mad": 20.83604101004928,
  "summary_bg_mean": 38.59416413921142,
  "summary_bg_median": 36.26118756830692,
  "summary_bg_n": 3763548.0,
  "summary_bg_p05": 8.750414550304413,
  "summary_bg_p95": 75.37288896739483,
  "summary_bg_stdv": 21.677741513743346,
  "summary_csf_k": 4.204161927795142,
  "summary_csf_mad": 174.35441864069537,
  "summary_csf_mean": 377.1163524592647,
  "summary_csf_median": 385.3496953099966,
  "summary_csf_n": 7581.0,
  "summary_csf_p05": 155.4524403065443,
  "summary_csf_p95": 592.7742947638035,
  "summary_csf_stdv": 149.276745419465,
  "summary_gm_k": 0.6150834867573396,
  "summary_gm_mad": 62.9995390917056,
  "summary_gm_mean": 730.3318887236528,
  "summary_gm_median": 732.3168904334307,
  "summary_gm_n": 17760.0,
  "summary_gm_p05": 612.131272405386,
  "summary_gm_p95": 840.7027070224285,
  "summary_gm_stdv": 68.92513402720748,
  "summary_wm_k": 1.7466640574224872,
  "summary_wm_mad": 43.83431269095272,
  "summary_wm_mean": 1004.1753373550642,
  "summary_wm_median": 1000.0663174688816,
  "summary_wm_n": 211963.0,
  "summary_wm_p05": 929.9304190278053,
  "summary_wm_p95": 1093.3377816528082,
  "summary_wm_stdv": 50.51532307231939,
  "tpm_overlap_csf": 0.1634211242198944,
  "tpm_overlap_gm": 0.4418603479862213,
  "tpm_overlap_wm": 0.5204651355743408,
  "wm2max": 0.3768312714002454
}