{
  "aor": 0.0020896631578947366,
  "aqi": 0.009084371557894736,
  "bids_meta": {
    "CogAtlasID": "https://www.cognitiveatlas.org/task/id/trm_4c8991fadfe01",
    "DeviceSerialNumber": "45031",
    "DwellTime": 5.4e-06,
    "EchoTime": 0.028,
    "EffectiveEchoSpacing": 0.000390001,
    "FlipAngle": 64,
    "InstitutionAddress": "Washington Rd, Princeton, NJ 08540, USA",
    "InstitutionName": "Princeton University",
    "InstitutionalDepartmentName": "Princeton Neuroscience Institute",
    "MagneticFieldStrength": 3,
    "Manufacturer": "Siemens",
    "ManufacturersModelName": "Skyra",
    "NumberOfVolumesDiscardedByScanner": 3,
    "ParallelReductionFactorInPlane": 2,
    "ParallelReductionType": "GRAPPA",
    "PartialFourier": 1,
    "PhaseEncodingDirection": "j-",
    "PixelBandwidth": 1445,
    "PulseSequenceDetails": "%SiemensSeq%_ep2d_bold",
    "PulseSequenceType": "Gradient Echo EPI",
    "ReceiveCoilActiveElements": "HE1-4",
    "ReceiveCoilName": "HeadNeck_20",
    "RepetitionTime": 1.5,
    "ScanOptions": "FS",
    "ScanningSequence": "EP",
    "SequenceName": "_epfid2d1_64",
    "SequenceVariant": "SK",
    "SliceTiming": [
      0,
      0.7775,
      0.055,
      0.8325,
      0.11,
      0.8875,
      0.165,
      0.9425,
      0.22,
      0.9975,
      0.2775,
      1.055,
      0.3325,
      1.11,
      0.3875,
      1.165,
      0.4425,
      1.22,
      0.5,
      1.2775,
      0.555,
      1.3325,
      0.61,
      1.3875,
      0.665,
      1.4425,
      0.72
    ],
    "SoftwareVersions": "syngo_MR_D11",
    "StationName": "AWP45031",
    "TaskDescription": "Passively listened to audio story 'prettymouth'",
    "TaskName": "prettymouth",
    "TotalReadoutTime": 0.0245701,
    "dataset": "ds002345",
    "modality": "bold",
    "subject_id": "097",
    "task_id": "prettymouth"
  },
  "dummy_trs": 0,
  "dvars_nstd": 23.101277709641355,
  "dvars_std": 1.2400640279113937,
  "dvars_vstd": 1.0030426941350221,
  "efc": 0.6162552009515306,
  "fber": 1360.569091796875,
  "fd_mean": 0.14494592548198432,
  "fd_num": 75,
  "fd_perc": 15.789473684210526,
  "fwhm_avg": 1.7282335490480802,
  "fwhm_x": 1.6693566666666666,
  "fwhm_y": 1.9534766666666668,
  "fwhm_z": 1.5618673138109072,
  "gcor": 0.0403743,
  "gsr_x": -0.007684978190809488,
  "gsr_y": 0.06252807378768921,
  "provenance": {
    "md5sum": "0148e3d10b2fd0c34ae90e8a217fe686",
    "settings": {
      "fd_thres": 0.2,
      "testing": false
    },
    "software": "mriqc",
    "version": "21.0.0rc2",
    "webapi_port": null,
    "webapi_url": "https://mriqc.nimh.nih.gov/api/v1"
  },
  "size_t": 475,
  "size_x": 64,
  "size_y": 64,
  "size_z": 27,
  "snr": 6.910416792918618,
  "spacing_tr": 1.5,
  "spacing_x": 3.0,
  "spacing_y": 3.0,
  "spacing_z": 4.000000476837158,
  "summary_bg_k": 14.624101271172606,
  "summary_bg_mad": 16.83299630332269,
  "summary_bg_mean": 60.09850311279297,
  "summary_bg_median": 20.02105140686035,
  "summary_bg_n": 54042.0,
  "summary_bg_p05": 7.016841888427734,
  "summary_bg_p95": 253.2292510986328,
  "summary_bg_stdv": 94.53937530517578,
  "summary_fg_k": 1.8694658691224735,
  "summary_fg_mad": 102.82390235393308,
  "summary_fg_mean": 784.4537963867188,
  "summary_fg_median": 775.0368041992188,
  "summary_fg_n": 28340.0,
  "summary_fg_p05": 628.6157409667969,
  "summary_fg_p95": 974.2754119873047,
  "summary_fg_stdv": 112.15287780761719,
  "tsnr": 63.64816476078704
}