{
  "aor": 0.0010781881533101045,
  "aqi": 0.014973347665505227,
  "bids_meta": {
    "AcquisitionMatrixPE": 96,
    "BandwidthPerPixelPhaseEncode": 20.425,
    "BaseResolution": 96,
    "BodyPartExamined": "BRAIN",
    "ConsistencyInfo": "N4_VE11C_LATEST_20160120",
    "ConversionSoftware": "dcm2niix",
    "ConversionSoftwareVersion": "v1.0.20180328 GCC6.3.0",
    "DerivedVendorReportedEchoSpacing": 0.000509996,
    "DeviceSerialNumber": "66018",
    "DwellTime": 2.1e-06,
    "EchoTime": 0.031,
    "EchoTrainLength": 96,
    "EffectiveEchoSpacing": 0.000509996,
    "FlipAngle": 67,
    "ImageOrientationPatientDICOM": [
      1,
      0,
      0,
      0,
      1,
      0
    ],
    "ImageType": [
      "ORIGINAL",
      "PRIMARY",
      "M",
      "ND",
      "NORM",
      "MOSAIC"
    ],
    "InPlanePhaseEncodingDirectionDICOM": "COL",
    "InstitutionAddress": "Washington Rd, Princeton, NJ 08540, USA",
    "InstitutionName": "Princeton University",
    "InstitutionalDepartmentName": "Princeton Neuroscience Institute",
    "MRAcquisitionType": "2D",
    "MagneticFieldStrength": 3,
    "Manufacturer": "Siemens",
    "ManufacturersModelName": "Prisma",
    "Modality": "MR",
    "MultibandAccelerationFactor": 3,
    "NumberOfVolumesDiscardedByScanner": 3,
    "PartialFourier": 1,
    "PatientPosition": "HFS",
    "PercentPhaseFOV": 100,
    "PhaseEncodingDirection": "j-",
    "PhaseEncodingSteps": 96,
    "PhaseResolution": 1,
    "PixelBandwidth": 2480,
    "ProcedureStepDescription": "Hasson_Nastase_042518_Storyteller",
    "ProtocolName": "func_task-forgot",
    "PulseSequenceDetails": "%SiemensSeq%_ep2d_bold",
    "ReceiveCoilActiveElements": "HC1-7;NC1",
    "ReceiveCoilName": "HeadNeck_64",
    "ReconMatrixPE": 96,
    "RepetitionTime": 1.5,
    "SAR": 0.0396001,
    "ScanOptions": "FS",
    "ScanningSequence": "EP",
    "SequenceName": "_epfid2d1_96",
    "SequenceVariant": "SK",
    "SeriesDescription": "func_task-forgot",
    "SeriesNumber": 10,
    "ShimSetting": [
      742,
      445,
      2078,
      709,
      -109,
      -88,
      380,
      80
    ],
    "SliceThickness": 2.5,
    "SliceTiming": [
      1.11,
      0,
      0.74,
      0.0925,
      0.8325,
      0.185,
      0.925,
      0.2775,
      1.0175,
      0.4625,
      1.2025,
      0.555,
      1.295,
      0.6475,
      1.3875,
      0.37,
      1.11,
      0,
      0.74,
      0.0925,
      0.8325,
      0.185,
      0.925,
      0.2775,
      1.0175,
      0.4625,
      1.2025,
      0.555,
      1.295,
      0.6475,
      1.3875,
      0.37,
      1.11,
      0,
      0.74,
      0.0925,
      0.8325,
      0.185,
      0.925,
      0.2775,
      1.0175,
      0.4625,
      1.2025,
      0.555,
      1.295,
      0.6475,
      1.3875,
      0.37
    ],
    "SoftwareVersions": "syngo_MR_E11",
    "SpacingBetweenSlices": 2.5,
    "StationName": "AWP66018",
    "TaskDescription": "Passively listened to audio story 'forgot'",
    "TaskName": "forgot",
    "TotalReadoutTime": 0.0484496,
    "TxRefAmp": 214.179,
    "dataset": "ds002345",
    "modality": "bold",
    "subject_id": "289",
    "task_id": "forgot"
  },
  "dummy_trs": 0,
  "dvars_nstd": 25.79957514987784,
  "dvars_std": 1.1682571856369985,
  "dvars_vstd": 0.9587763559162313,
  "efc": 0.4744152691705757,
  "fber": 3875.857177734375,
  "fd_mean": 0.13238408005914784,
  "fd_num": 38,
  "fd_perc": 6.620209059233449,
  "fwhm_avg": 2.077121333333333,
  "fwhm_x": 1.9617239999999998,
  "fwhm_y": 2.226924,
  "fwhm_z": 2.042716,
  "gcor": 0.0120054,
  "gsr_x": -0.018173430114984512,
  "gsr_y": 0.03257017955183983,
  "provenance": {
    "md5sum": "e0af40685cda5f497d90c59951de21cf",
    "settings": {
      "fd_thres": 0.2,
      "testing": false
    },
    "software": "mriqc",
    "version": "22.0.0rc1",
    "webapi_port": null,
    "webapi_url": "https://mriqc.nimh.nih.gov/api/v1"
  },
  "size_t": 574,
  "size_x": 96,
  "size_y": 96,
  "size_z": 48,
  "snr": 5.834502454276694,
  "spacing_tr": 1.5,
  "spacing_x": 2.5,
  "spacing_y": 2.5,
  "spacing_z": 2.5,
  "summary_bg_k": 34.22389163914191,
  "summary_bg_mad": 8.53658517598969,
  "summary_bg_mean": 33.974609375,
  "summary_bg_median": 12.620208740234375,
  "summary_bg_n": 306521.0,
  "summary_bg_p05": 4.832752704620361,
  "summary_bg_p95": 142.3240509033203,
  "summary_bg_stdv": 67.70999908447266,
  "summary_fg_k": 2.065345781048073,
  "summary_fg_mad": 131.54995377348558,
  "summary_fg_mean": 795.5211181640625,
  "summary_fg_median": 794.219482421875,
  "summary_fg_n": 73496.0,
  "summary_fg_p05": 598.2809143066406,
  "summary_fg_p95": 1008.3536834716797,
  "summary_fg_stdv": 136.1237030029297,
  "tsnr": 51.66097748838365
}