{
  "aor": 0.0011311538461538462,
  "aqi": 0.007355909923076923,
  "bids_meta": {
    "AcquisitionMatrixPE": 96,
    "BandwidthPerPixelPhaseEncode": 20.425,
    "BaseResolution": 96,
    "BodyPartExamined": "BRAIN",
    "ConsistencyInfo": "N4_VE11C_LATEST_20160120",
    "ConversionSoftware": "dcm2niix",
    "ConversionSoftwareVersion": "v1.0.20180328 GCC6.3.0",
    "DerivedVendorReportedEchoSpacing": 0.000509996,
    "DeviceSerialNumber": "66018",
    "EchoTime": 0.031,
    "EchoTrainLength": 96,
    "EffectiveEchoSpacing": 0.000509996,
    "FlipAngle": 67,
    "ImageOrientationPatientDICOM": [
      1,
      0,
      0,
      0,
      1,
      0
    ],
    "ImageType": [
      "ORIGINAL",
      "PRIMARY",
      "M",
      "ND",
      "NORM",
      "MOSAIC"
    ],
    "InPlanePhaseEncodingDirectionDICOM": "COL",
    "InstitutionAddress": "Washington Rd, Princeton, NJ 08540, USA",
    "InstitutionName": "Princeton University",
    "InstitutionalDepartmentName": "Princeton Neuroscience Institute",
    "MRAcquisitionType": "2D",
    "MagneticFieldStrength": 3,
    "Manufacturer": "Siemens",
    "ManufacturersModelName": "Prisma",
    "Modality": "MR",
    "MultibandAccelerationFactor": 3,
    "NumberOfVolumesDiscardedByScanner": 3,
    "PartialFourier": 1,
    "PatientPosition": "HFS",
    "PercentPhaseFOV": 100,
    "PhaseEncodingDirection": "j-",
    "PhaseEncodingSteps": 96,
    "PhaseResolution": 1,
    "PixelBandwidth": 2480,
    "ProcedureStepDescription": "Hasson_Nastase_042518_Storyteller",
    "ProtocolName": "func_task-bronx",
    "PulseSequenceDetails": "%SiemensSeq%_ep2d_bold",
    "ReceiveCoilActiveElements": "HC1-7;NC1",
    "ReceiveCoilName": "HeadNeck_64",
    "ReconMatrixPE": 96,
    "RepetitionTime": 1.5,
    "SAR": 0.0395766,
    "ScanOptions": "FS",
    "ScanningSequence": "EP",
    "SequenceName": "_epfid2d1_96",
    "SequenceVariant": "SK",
    "SeriesDescription": "func_task-bronx",
    "SeriesNumber": 7,
    "ShimSetting": [
      742,
      445,
      2078,
      709,
      -109,
      -88,
      380,
      80
    ],
    "SliceThickness": 2.5,
    "SliceTiming": [
      1.11,
      0,
      0.74,
      0.0925,
      0.8325,
      0.185,
      0.925,
      0.2775,
      1.0175,
      0.4625,
      1.2025,
      0.555,
      1.295,
      0.6475,
      1.3875,
      0.37,
      1.11,
      0,
      0.74,
      0.0925,
      0.8325,
      0.185,
      0.925,
      0.2775,
      1.0175,
      0.4625,
      1.2025,
      0.555,
      1.295,
      0.6475,
      1.3875,
      0.37,
      1.11,
      0,
      0.74,
      0.0925,
      0.8325,
      0.185,
      0.925,
      0.2775,
      1.0175,
      0.4625,
      1.2025,
      0.555,
      1.295,
      0.6475,
      1.3875,
      0.37
    ],
    "SoftwareVersions": "syngo_MR_E11",
    "SpacingBetweenSlices": 2.5,
    "StationName": "AWP66018",
    "TaskDescription": "Passively listened to audio story 'bronx'",
    "TaskName": "bronx",
    "TotalReadoutTime": 0.0484496,
    "TxRefAmp": 214.179,
    "dataset": "ds002345",
    "modality": "bold",
    "subject_id": "289",
    "task_id": "bronx"
  },
  "dummy_trs": 0,
  "dvars_nstd": 23.835499197043713,
  "dvars_std": 1.2152377194344453,
  "dvars_vstd": 1.0092563782005157,
  "efc": 0.4727130136746841,
  "fber": 3930.010009765625,
  "fd_mean": 0.11416828135068649,
  "fd_num": 5,
  "fd_perc": 1.2820512820512822,
  "fwhm_avg": 2.0411573333333335,
  "fwhm_x": 1.9474240000000003,
  "fwhm_y": 2.185668,
  "fwhm_z": 1.99038,
  "gcor": 0.0296702,
  "gsr_x": -0.018470581620931625,
  "gsr_y": 0.03301547095179558,
  "provenance": {
    "md5sum": "e719b603b403a71aeccb8c41c730b042",
    "settings": {
      "fd_thres": 0.2,
      "testing": false
    },
    "software": "mriqc",
    "version": "22.0.0rc1",
    "webapi_port": null,
    "webapi_url": "https://mriqc.nimh.nih.gov/api/v1"
  },
  "size_t": 390,
  "size_x": 96,
  "size_y": 96,
  "size_z": 48,
  "snr": 5.751030621755783,
  "spacing_tr": 1.5,
  "spacing_x": 2.5,
  "spacing_y": 2.5,
  "spacing_z": 2.5,
  "summary_bg_k": 39.24365879665868,
  "summary_bg_mad": 8.587689181120988,
  "summary_bg_mean": 33.94658660888672,
  "summary_bg_median": 12.602564811706543,
  "summary_bg_n": 306870.0,
  "summary_bg_p05": 4.848718166351318,
  "summary_bg_p95": 140.17577209472654,
  "summary_bg_stdv": 69.41812896728516,
  "summary_fg_k": 2.448912158591032,
  "summary_fg_mad": 131.62089860620702,
  "summary_fg_mean": 801.5997924804688,
  "summary_fg_median": 800.8026123046875,
  "summary_fg_n": 73184.0,
  "summary_fg_p05": 601.4542419433594,
  "summary_fg_p95": 1016.1357971191404,
  "summary_fg_stdv": 139.24411010742188,
  "tsnr": 68.3746669802349
}