{
  "aor": 0.0003805,
  "aqi": 0.004505500466666666,
  "bids_meta": {
    "CogAtlasID": "https://www.cognitiveatlas.org/task/id/trm_4c8991fadfe01",
    "DeviceSerialNumber": "45031",
    "DwellTime": 5.4e-06,
    "EchoTime": 0.028,
    "EffectiveEchoSpacing": 0.000390001,
    "FlipAngle": 64,
    "InstitutionAddress": "Washington Rd, Princeton, NJ 08540, USA",
    "InstitutionName": "Princeton University",
    "InstitutionalDepartmentName": "Princeton Neuroscience Institute",
    "MagneticFieldStrength": 3,
    "Manufacturer": "Siemens",
    "ManufacturersModelName": "Skyra",
    "NumberOfVolumesDiscardedByScanner": 3,
    "ParallelReductionFactorInPlane": 2,
    "ParallelReductionType": "GRAPPA",
    "PartialFourier": 1,
    "PhaseEncodingDirection": "j-",
    "PixelBandwidth": 1445,
    "PulseSequenceDetails": "%SiemensSeq%_ep2d_bold",
    "PulseSequenceType": "Gradient Echo EPI",
    "ReceiveCoilActiveElements": "HE1-4",
    "ReceiveCoilName": "HeadNeck_20",
    "RepetitionTime": 1.5,
    "ScanOptions": "FS",
    "ScanningSequence": "EP",
    "SequenceName": "_epfid2d1_64",
    "SequenceVariant": "SK",
    "SliceTiming": [
      0,
      0.7775,
      0.055,
      0.8325,
      0.11,
      0.89,
      0.1675,
      0.945,
      0.2225,
      1,
      0.2775,
      1.055,
      0.3325,
      1.11,
      0.39,
      1.1675,
      0.445,
      1.2225,
      0.5,
      1.2775,
      0.555,
      1.3325,
      0.61,
      1.3875,
      0.6675,
      1.445,
      0.7225
    ],
    "SoftwareVersions": "syngo_MR_D11",
    "StationName": "AWP45031",
    "TaskDescription": "Passively listened to audio story 'pieman'",
    "TaskName": "pieman",
    "TotalReadoutTime": 0.0245701,
    "dataset": "ds002345",
    "modality": "bold",
    "subject_id": "038",
    "task_id": "pieman"
  },
  "dummy_trs": 0,
  "dvars_nstd": 23.411736466120402,
  "dvars_std": 1.3472305771237452,
  "dvars_vstd": 0.9809553712040135,
  "efc": 0.5947196836806402,
  "fber": 1780.2080078125,
  "fd_mean": 0.12544564600773295,
  "fd_num": 14,
  "fd_perc": 4.666666666666667,
  "fwhm_avg": 1.7923858333333331,
  "fwhm_x": 1.7623966666666666,
  "fwhm_y": 2.006463333333333,
  "fwhm_z": 1.6082975,
  "gcor": 0.0428071,
  "gsr_x": -0.009485793299973011,
  "gsr_y": 0.013987819664180279,
  "provenance": {
    "md5sum": "5e4c310ef089b2b17152901227a2bac3",
    "settings": {
      "fd_thres": 0.2,
      "testing": false
    },
    "software": "mriqc",
    "version": "21.0.0rc2",
    "webapi_port": null,
    "webapi_url": "https://mriqc.nimh.nih.gov/api/v1"
  },
  "size_t": 300,
  "size_x": 64,
  "size_y": 64,
  "size_z": 27,
  "snr": 6.815127498881479,
  "spacing_tr": 1.5,
  "spacing_x": 3.0,
  "spacing_y": 3.0,
  "spacing_z": 4.0,
  "summary_bg_k": 17.138069351995032,
  "summary_bg_mad": 10.820524946313977,
  "summary_bg_mean": 41.23206329345703,
  "summary_bg_median": 15.631667137145996,
  "summary_bg_n": 54424.0,
  "summary_bg_p05": 6.573333263397217,
  "summary_bg_p95": 172.32167434692377,
  "summary_bg_stdv": 72.87474060058594,
  "summary_fg_k": 2.7497222808006114,
  "summary_fg_mad": 92.18575183460766,
  "summary_fg_mean": 716.4194946289062,
  "summary_fg_median": 709.280029296875,
  "summary_fg_n": 27234.0,
  "summary_fg_p05": 573.5608184814453,
  "summary_fg_p95": 887.6481750488281,
  "summary_fg_stdv": 104.07244873046875,
  "tsnr": 83.7221881239675
}