{
  "aor": 0.0002677589852008457,
  "aqi": 0.005311125200845665,
  "bids_meta": {
    "CogAtlasID": "https://www.cognitiveatlas.org/task/id/trm_4c8991fadfe01",
    "DeviceSerialNumber": "45031",
    "DwellTime": 5.4e-06,
    "EchoTime": 0.028,
    "EffectiveEchoSpacing": 0.000390001,
    "FlipAngle": 64,
    "InstitutionAddress": "Washington Rd, Princeton, NJ 08540, USA",
    "InstitutionName": "Princeton University",
    "InstitutionalDepartmentName": "Princeton Neuroscience Institute",
    "MagneticFieldStrength": 3,
    "Manufacturer": "Siemens",
    "ManufacturersModelName": "Skyra",
    "NumberOfVolumesDiscardedByScanner": 3,
    "ParallelReductionFactorInPlane": 2,
    "ParallelReductionType": "GRAPPA",
    "PartialFourier": 1,
    "PhaseEncodingDirection": "j-",
    "PixelBandwidth": 1445,
    "PulseSequenceDetails": "%SiemensSeq%_ep2d_bold",
    "PulseSequenceType": "Gradient Echo EPI",
    "ReceiveCoilActiveElements": "HE1-4",
    "ReceiveCoilName": "HeadNeck_20",
    "RepetitionTime": 1.5,
    "ScanOptions": "FS",
    "ScanningSequence": "EP",
    "SequenceName": "_epfid2d1_64",
    "SequenceVariant": "SK",
    "SliceTiming": [
      0,
      0.7775,
      0.055,
      0.8325,
      0.11,
      0.8875,
      0.165,
      0.9425,
      0.22,
      0.9975,
      0.2775,
      1.055,
      0.3325,
      1.11,
      0.3875,
      1.165,
      0.4425,
      1.22,
      0.5,
      1.2775,
      0.555,
      1.3325,
      0.61,
      1.3875,
      0.665,
      1.4425,
      0.72
    ],
    "SoftwareVersions": "syngo_MR_D11",
    "StationName": "AWP45031",
    "TaskDescription": "Passively listened to audio story 'prettymouth'",
    "TaskName": "prettymouth",
    "TotalReadoutTime": 0.0245701,
    "dataset": "ds002345",
    "modality": "bold",
    "subject_id": "038",
    "task_id": "prettymouth"
  },
  "dummy_trs": 2,
  "dvars_nstd": 19.729605444703378,
  "dvars_std": 1.1909991306567782,
  "dvars_vstd": 0.9785721859745772,
  "efc": 0.5859434094853471,
  "fber": 1925.8714599609375,
  "fd_mean": 0.11790975468537587,
  "fd_num": 15,
  "fd_perc": 3.171247357293869,
  "fwhm_avg": 1.7703764133534048,
  "fwhm_x": 1.7197733333333334,
  "fwhm_y": 1.9976466666666666,
  "fwhm_z": 1.5937092400602149,
  "gcor": 0.065821,
  "gsr_x": 0.002690631430596113,
  "gsr_y": 0.03792661800980568,
  "provenance": {
    "md5sum": "525676f0545dade4011feecb700343f0",
    "settings": {
      "fd_thres": 0.2,
      "testing": false
    },
    "software": "mriqc",
    "version": "21.0.0rc2",
    "webapi_port": null,
    "webapi_url": "https://mriqc.nimh.nih.gov/api/v1"
  },
  "size_t": 473,
  "size_x": 64,
  "size_y": 64,
  "size_z": 27,
  "snr": 7.0964320264133125,
  "spacing_tr": 1.5,
  "spacing_x": 3.0,
  "spacing_y": 3.0,
  "spacing_z": 4.000001907348633,
  "summary_bg_k": 18.28761037502003,
  "summary_bg_mad": 11.776186173041314,
  "summary_bg_mean": 44.95170211791992,
  "summary_bg_median": 16.60887908935547,
  "summary_bg_n": 55713.0,
  "summary_bg_p05": 6.961945056915283,
  "summary_bg_p95": 182.9881622314453,
  "summary_bg_stdv": 79.32157135009766,
  "summary_fg_k": 3.137699357905733,
  "summary_fg_mad": 93.78323219742435,
  "summary_fg_mean": 776.164794921875,
  "summary_fg_median": 768.1162109375,
  "summary_fg_n": 26382.0,
  "summary_fg_p05": 629.7245391845703,
  "summary_fg_p95": 950.7014434814452,
  "summary_fg_stdv": 108.23772430419922,
  "tsnr": 80.30895085260272
}