{
  "aor": 0.0008865656565656567,
  "aqi": 0.005051355252525253,
  "bids_meta": {
    "CogAtlasID": "https://www.cognitiveatlas.org/task/id/trm_4c8991fadfe01",
    "DeviceSerialNumber": "45031",
    "DwellTime": 5.4e-06,
    "EchoTime": 0.028,
    "EffectiveEchoSpacing": 0.000390001,
    "FlipAngle": 64,
    "InstitutionAddress": "Washington Rd, Princeton, NJ 08540, USA",
    "InstitutionName": "Princeton University",
    "InstitutionalDepartmentName": "Princeton Neuroscience Institute",
    "MagneticFieldStrength": 3,
    "Manufacturer": "Siemens",
    "ManufacturersModelName": "Skyra",
    "NumberOfVolumesDiscardedByScanner": 3,
    "ParallelReductionFactorInPlane": 2,
    "ParallelReductionType": "GRAPPA",
    "PartialFourier": 1,
    "PhaseEncodingDirection": "j-",
    "PixelBandwidth": 1445,
    "PulseSequenceDetails": "%SiemensSeq%_ep2d_bold",
    "PulseSequenceType": "Gradient Echo EPI",
    "ReceiveCoilActiveElements": "HE1-4",
    "ReceiveCoilName": "HeadNeck_20",
    "RepetitionTime": 1.5,
    "ScanOptions": "FS",
    "ScanningSequence": "EP",
    "SequenceName": "_epfid2d1_64",
    "SequenceVariant": "SK",
    "SliceTiming": [
      0,
      0.7775,
      0.055,
      0.8325,
      0.11,
      0.8875,
      0.165,
      0.9425,
      0.22,
      0.9975,
      0.2775,
      1.055,
      0.3325,
      1.11,
      0.3875,
      1.165,
      0.4425,
      1.22,
      0.5,
      1.2775,
      0.555,
      1.3325,
      0.61,
      1.3875,
      0.665,
      1.4425,
      0.72
    ],
    "SoftwareVersions": "syngo_MR_D11",
    "StationName": "AWP45031",
    "TaskDescription": "Passively listened to audio story 'milkyway'",
    "TaskName": "milkyway",
    "TotalReadoutTime": 0.0245701,
    "dataset": "ds002345",
    "modality": "bold",
    "subject_id": "038",
    "task_id": "milkyway"
  },
  "dummy_trs": 0,
  "dvars_nstd": 19.57662841435811,
  "dvars_std": 1.2023356736824324,
  "dvars_vstd": 0.9954768427702705,
  "efc": 0.5859142679691298,
  "fber": 1904.2025146484375,
  "fd_mean": 0.1250002046924215,
  "fd_num": 22,
  "fd_perc": 7.407407407407407,
  "fwhm_avg": 1.7659022468031658,
  "fwhm_x": 1.7196999999999998,
  "fwhm_y": 1.98503,
  "fwhm_z": 1.5929767404094979,
  "gcor": 0.032682,
  "gsr_x": 0.0009782218839973211,
  "gsr_y": 0.03913535550236702,
  "provenance": {
    "md5sum": "a21e0e63abfaa9542c1c88bb5aa1e476",
    "settings": {
      "fd_thres": 0.2,
      "testing": false
    },
    "software": "mriqc",
    "version": "21.0.0rc2",
    "webapi_port": null,
    "webapi_url": "https://mriqc.nimh.nih.gov/api/v1"
  },
  "size_t": 297,
  "size_x": 64,
  "size_y": 64,
  "size_z": 27,
  "snr": 7.069883134949803,
  "spacing_tr": 1.5,
  "spacing_x": 3.0,
  "spacing_y": 3.0,
  "spacing_z": 4.000001907348633,
  "summary_bg_k": 17.473223540180072,
  "summary_bg_mad": 12.250188598933017,
  "summary_bg_mean": 45.79509735107422,
  "summary_bg_median": 16.845117568969727,
  "summary_bg_n": 55938.0,
  "summary_bg_p05": 6.898989677429199,
  "summary_bg_p95": 192.00167922973614,
  "summary_bg_stdv": 80.85282897949219,
  "summary_fg_k": 3.0389176672450047,
  "summary_fg_mad": 93.9954785050113,
  "summary_fg_mean": 776.1281127929688,
  "summary_fg_median": 767.8316650390625,
  "summary_fg_n": 26316.0,
  "summary_fg_p05": 629.0269012451172,
  "summary_fg_p95": 952.2861633300781,
  "summary_fg_stdv": 108.60392761230469,
  "tsnr": 83.48403568100184
}