{
  "aor": 0.002714315960912052,
  "aqi": 0.029869006514657983,
  "bids_meta": {
    "CogAtlasID": "https://www.cognitiveatlas.org/task/id/trm_4c8991fadfe01",
    "DeviceSerialNumber": "45031",
    "DwellTime": 4.9e-06,
    "EchoTime": 0.028,
    "EffectiveEchoSpacing": 0.000355001,
    "FlipAngle": 64,
    "InstitutionAddress": "Washington Rd, Princeton, NJ 08540, USA",
    "InstitutionName": "Princeton University",
    "InstitutionalDepartmentName": "Princeton Neuroscience Institute",
    "MagneticFieldStrength": 3,
    "Manufacturer": "Siemens",
    "ManufacturersModelName": "Skyra",
    "NumberOfVolumesDiscardedByScanner": 3,
    "ParallelReductionFactorInPlane": 2,
    "ParallelReductionType": "GRAPPA",
    "PartialFourier": 1,
    "PhaseEncodingDirection": "j-",
    "PixelBandwidth": 1595,
    "PulseSequenceDetails": "%SiemensSeq%_ep2d_bold",
    "PulseSequenceType": "Gradient Echo EPI",
    "ReceiveCoilActiveElements": "HE1-4",
    "ReceiveCoilName": "HeadNeck_20",
    "RepetitionTime": 1.5,
    "ScanOptions": "FS",
    "ScanningSequence": "EP",
    "SequenceName": "_epfid2d1_64",
    "SequenceVariant": "SK",
    "SliceTiming": [
      0,
      0.7675,
      0.055,
      0.8225,
      0.1075,
      0.875,
      0.1625,
      0.93,
      0.2175,
      0.985,
      0.2725,
      1.04,
      0.3275,
      1.095,
      0.3825,
      1.15,
      0.4375,
      1.205,
      0.4925,
      1.26,
      0.5475,
      1.315,
      0.6025,
      1.37,
      0.6575,
      1.425,
      0.7125
    ],
    "SoftwareVersions": "syngo_MR_D13",
    "StationName": "AWP45031",
    "TaskDescription": "Passively listened to audio story 'merlin'",
    "TaskName": "merlin",
    "TotalReadoutTime": 0.022365,
    "dataset": "ds002345",
    "modality": "bold",
    "subject_id": "177",
    "task_id": "merlin"
  },
  "dummy_trs": 0,
  "dvars_nstd": 27.17996447636214,
  "dvars_std": 1.0299128217455122,
  "dvars_vstd": 0.925192121941272,
  "efc": 0.6368891012033159,
  "fber": 1464.7786865234375,
  "fd_mean": 0.25289505116820293,
  "fd_num": 170,
  "fd_perc": 27.68729641693811,
  "fwhm_avg": 1.7926903093723638,
  "fwhm_x": 1.7293066666666668,
  "fwhm_y": 2.0585566666666666,
  "fwhm_z": 1.5902075947837588,
  "gcor": 0.0169705,
  "gsr_x": -0.005757919512689114,
  "gsr_y": 0.06382503360509872,
  "provenance": {
    "md5sum": "a108453d8a4f3d716ab3a4e81f87f055",
    "settings": {
      "fd_thres": 0.2,
      "testing": false
    },
    "software": "mriqc",
    "version": "22.0.0rc1",
    "webapi_port": null,
    "webapi_url": "https://mriqc.nimh.nih.gov/api/v1"
  },
  "size_t": 614,
  "size_x": 64,
  "size_y": 64,
  "size_z": 27,
  "snr": 6.744320426512455,
  "spacing_tr": 1.5,
  "spacing_x": 3.0,
  "spacing_y": 3.0,
  "spacing_z": 3.999999761581421,
  "summary_bg_k": 21.352101734753532,
  "summary_bg_mad": 15.060245045875403,
  "summary_bg_mean": 53.65176773071289,
  "summary_bg_median": 18.794788360595703,
  "summary_bg_n": 49795.0,
  "summary_bg_p05": 6.9885993003845215,
  "summary_bg_p95": 200.09249877929682,
  "summary_bg_stdv": 85.87962341308594,
  "summary_fg_k": 3.7008092536303394,
  "summary_fg_mad": 99.09527179287267,
  "summary_fg_mean": 779.0856323242188,
  "summary_fg_median": 768.471435546875,
  "summary_fg_n": 32094.0,
  "summary_fg_p05": 628.9440246582031,
  "summary_fg_p95": 969.5624267578123,
  "summary_fg_stdv": 113.94171905517578,
  "tsnr": 38.45584639260778
}