{
  "bids_meta": {
    "DeviceSerialNumber": "45031",
    "DwellTime": 8.2e-06,
    "EchoTime": 0.00308,
    "FlipAngle": 9,
    "InstitutionAddress": "Washington Rd, Princeton, NJ 08540, USA",
    "InstitutionName": "Princeton University",
    "InstitutionalDepartmentName": "Princeton Neuroscience Institute",
    "InversionTime": 0.9,
    "MagneticFieldStrength": 3,
    "Manufacturer": "Siemens",
    "ManufacturersModelName": "Skyra",
    "ParallelReductionFactorInPlane": 2,
    "ParallelReductionType": "GRAPPA",
    "PartialFourier": 1,
    "PixelBandwidth": 240,
    "PulseSequenceDetails": "%SiemensSeq%_tfl",
    "PulseSequenceType": "MPRAGE",
    "ReceiveCoilActiveElements": "HE1-4",
    "ReceiveCoilName": "HeadNeck_20",
    "RepetitionTime": 2.3,
    "ScanOptions": "IR",
    "ScanningSequence": "GR_IR",
    "SequenceName": "_tfl3d1_16ns",
    "SequenceVariant": "SK_SP_MP",
    "SoftwareVersions": "syngo_MR_D11",
    "StationName": "AWP45031",
    "dataset": "ds002345",
    "modality": "T1w",
    "subject_id": "100"
  },
  "cjv": 0.4594738678291436,
  "cnr": 2.8901004295249324,
  "efc": 0.6603895181938559,
  "fber": 1135.8125487603306,
  "fwhm_avg": 3.212835552071594,
  "fwhm_x": 3.3134332016693273,
  "fwhm_y": 3.302190545454545,
  "fwhm_z": 3.022882909090909,
  "icvs_csf": 0.1615713274952074,
  "icvs_gm": 0.45439218261657316,
  "icvs_wm": 0.3840364898882194,
  "inu_med": 1.227759599685669,
  "inu_range": 0.49464316368103023,
  "provenance": {
    "md5sum": "0f91f6bf6ac8ce0814b023d63cc21613",
    "settings": {
      "testing": false
    },
    "software": "mriqc",
    "version": "21.0.0rc2",
    "warnings": {
      "large_rot_frame": true,
      "small_air_mask": false
    },
    "webapi_port": null,
    "webapi_url": "https://mriqc.nimh.nih.gov/api/v1"
  },
  "qi_1": 0.0,
  "qi_2": 0.0030217065690860373,
  "rpve_csf": 21.954840527641288,
  "rpve_gm": 9.074687281673866,
  "rpve_wm": 12.382481732976187,
  "size_x": 192,
  "size_y": 256,
  "size_z": 256,
  "snr_csf": 1.8170455644702912,
  "snr_gm": 9.662566775594394,
  "snr_total": 9.141865236183461,
  "snr_wm": 15.945983368485697,
  "snrd_csf": 18.28831490690546,
  "snrd_gm": 39.10229310665135,
  "snrd_total": 37.32248749863201,
  "snrd_wm": 54.576854482339215,
  "spacing_x": 0.9000000357627869,
  "spacing_y": 0.859375,
  "spacing_z": 0.859375,
  "summary_bg_k": 3.2103614576718966,
  "summary_bg_mad": 12.00487572555959,
  "summary_bg_mean": 21.014781752192658,
  "summary_bg_median": 18.97277044504881,
  "summary_bg_n": 2492774.0,
  "summary_bg_p05": 2.6990552097558975,
  "summary_bg_p95": 46.9159302636981,
  "summary_bg_stdv": 13.939316978215405,
  "summary_csf_k": 33.14463273626303,
  "summary_csf_mad": 114.63479369308862,
  "summary_csf_mean": 372.23793438002525,
  "summary_csf_median": 335.1194578818977,
  "summary_csf_n": 12250.0,
  "summary_csf_p05": 197.66610212624073,
  "summary_csf_p95": 607.4620669439432,
  "summary_csf_stdv": 184.42343208669473,
  "summary_gm_k": 0.39285576015231527,
  "summary_gm_mad": 70.26383145253995,
  "summary_gm_mean": 718.1411277801492,
  "summary_gm_median": 716.5197742134333,
  "summary_gm_n": 37707.0,
  "summary_gm_p05": 599.904712356627,
  "summary_gm_p95": 845.0424325838685,
  "summary_gm_stdv": 74.15320272968825,
  "summary_wm_k": 0.4313404860975556,
  "summary_wm_mad": 60.024378627797944,
  "summary_wm_mean": 999.5167617641382,
  "summary_wm_median": 1000.0793391913176,
  "summary_wm_n": 341671.0,
  "summary_wm_p05": 895.7687937319279,
  "summary_wm_p95": 1101.2145255804062,
  "summary_wm_stdv": 62.716600950088655,
  "tpm_overlap_csf": 0.17250563204288483,
  "tpm_overlap_gm": 0.4546292722225189,
  "tpm_overlap_wm": 0.4989524483680725,
  "wm2max": 0.4311578082754372
}