{
  "aor": 0.0007025,
  "aqi": 0.0050940972,
  "bids_meta": {
    "CogAtlasID": "https://www.cognitiveatlas.org/task/id/trm_4c8991fadfe01",
    "DeviceSerialNumber": "45031",
    "DwellTime": 5.4e-06,
    "EchoTime": 0.028,
    "EffectiveEchoSpacing": 0.000390001,
    "FlipAngle": 64,
    "InstitutionAddress": "Washington Rd, Princeton, NJ 08540, USA",
    "InstitutionName": "Princeton University",
    "InstitutionalDepartmentName": "Princeton Neuroscience Institute",
    "MagneticFieldStrength": 3,
    "Manufacturer": "Siemens",
    "ManufacturersModelName": "Skyra",
    "NumberOfVolumesDiscardedByScanner": 3,
    "ParallelReductionFactorInPlane": 2,
    "ParallelReductionType": "GRAPPA",
    "PartialFourier": 1,
    "PhaseEncodingDirection": "j-",
    "PixelBandwidth": 1445,
    "PulseSequenceDetails": "%SiemensSeq%_ep2d_bold",
    "PulseSequenceType": "Gradient Echo EPI",
    "ReceiveCoilActiveElements": "HE1-4",
    "ReceiveCoilName": "HeadNeck_20",
    "RepetitionTime": 1.5,
    "ScanOptions": "FS",
    "ScanningSequence": "EP",
    "SequenceName": "_epfid2d1_64",
    "SequenceVariant": "SK",
    "SliceTiming": [
      0,
      0.7775,
      0.055,
      0.8325,
      0.11,
      0.89,
      0.1675,
      0.945,
      0.2225,
      1,
      0.2775,
      1.055,
      0.3325,
      1.11,
      0.39,
      1.1675,
      0.445,
      1.2225,
      0.5,
      1.2775,
      0.555,
      1.3325,
      0.61,
      1.3875,
      0.6675,
      1.445,
      0.7225
    ],
    "SoftwareVersions": "syngo_MR_D11",
    "StationName": "AWP45031",
    "TaskDescription": "Passively listened to audio story 'pieman'",
    "TaskName": "pieman",
    "TotalReadoutTime": 0.0245701,
    "dataset": "ds002345",
    "modality": "bold",
    "subject_id": "047",
    "task_id": "pieman"
  },
  "dummy_trs": 0,
  "dvars_nstd": 18.643050748929774,
  "dvars_std": 1.1125549079264205,
  "dvars_vstd": 0.9958454967558532,
  "efc": 0.5675733182981482,
  "fber": 2001.5743408203125,
  "fd_mean": 0.1086512026694776,
  "fd_num": 11,
  "fd_perc": 3.6666666666666665,
  "fwhm_avg": 1.7426344444444446,
  "fwhm_x": 1.7410666666666668,
  "fwhm_y": 1.8983466666666666,
  "fwhm_z": 1.58849,
  "gcor": 0.04759,
  "gsr_x": -0.0039228470996022224,
  "gsr_y": 0.02363162487745285,
  "provenance": {
    "md5sum": "ed544a506a869a8115e3084d5ec39a23",
    "settings": {
      "fd_thres": 0.2,
      "testing": false
    },
    "software": "mriqc",
    "version": "21.0.0rc2",
    "webapi_port": null,
    "webapi_url": "https://mriqc.nimh.nih.gov/api/v1"
  },
  "size_t": 300,
  "size_x": 64,
  "size_y": 64,
  "size_z": 27,
  "snr": 6.9373920592974425,
  "spacing_tr": 1.5,
  "spacing_x": 3.0,
  "spacing_y": 3.0,
  "spacing_z": 4.0,
  "summary_bg_k": 31.514139268738724,
  "summary_bg_mad": 7.907211360723324,
  "summary_bg_mean": 31.440414428710938,
  "summary_bg_median": 13.15999984741211,
  "summary_bg_n": 57659.0,
  "summary_bg_p05": 5.943333625793457,
  "summary_bg_p95": 106.15033416748041,
  "summary_bg_stdv": 60.024959564208984,
  "summary_fg_k": 1.8761849339165524,
  "summary_fg_mad": 82.17565311566908,
  "summary_fg_mean": 614.9970703125,
  "summary_fg_median": 608.626708984375,
  "summary_fg_n": 25291.0,
  "summary_fg_p05": 491.36834716796875,
  "summary_fg_p95": 762.6817016601562,
  "summary_fg_stdv": 87.72960662841797,
  "tsnr": 80.9462571167387
}