{
  "bids_meta": {
    "DeviceSerialNumber": "45031",
    "DwellTime": 8.2e-06,
    "EchoTime": 0.00308,
    "FlipAngle": 9,
    "InstitutionAddress": "Washington Rd, Princeton, NJ 08540, USA",
    "InstitutionName": "Princeton University",
    "InstitutionalDepartmentName": "Princeton Neuroscience Institute",
    "InversionTime": 0.9,
    "MagneticFieldStrength": 3,
    "Manufacturer": "Siemens",
    "ManufacturersModelName": "Skyra",
    "ParallelReductionFactorInPlane": 2,
    "ParallelReductionType": "GRAPPA",
    "PartialFourier": 1,
    "PixelBandwidth": 240,
    "PulseSequenceDetails": "%SiemensSeq%_tfl",
    "PulseSequenceType": "MPRAGE",
    "ReceiveCoilActiveElements": "HE1-4",
    "ReceiveCoilName": "HeadNeck_20",
    "RepetitionTime": 2.3,
    "ScanOptions": "IR",
    "ScanningSequence": "GR_IR",
    "SequenceName": "_tfl3d1_16ns",
    "SequenceVariant": "SK_SP_MP",
    "SoftwareVersions": "syngo_MR_E11",
    "StationName": "AWP45031",
    "dataset": "ds002345",
    "modality": "T1w",
    "run_id": 1,
    "subject_id": "131"
  },
  "cjv": 0.4620039880272559,
  "cnr": 2.8668092110984658,
  "efc": 0.6793096326661625,
  "fber": 776.2727370877593,
  "fwhm_avg": 3.274440319397798,
  "fwhm_x": 3.3398998672843034,
  "fwhm_y": 3.4282938181818183,
  "fwhm_z": 3.055127272727273,
  "icvs_csf": 0.1686007742023175,
  "icvs_gm": 0.4467620880204,
  "icvs_wm": 0.3846371377772825,
  "inu_med": 1.263653039932251,
  "inu_range": 0.4725677847862244,
  "provenance": {
    "md5sum": "1448f5330d18cd8f1ae941984d74bc63",
    "settings": {
      "testing": false
    },
    "software": "mriqc",
    "version": "22.0.0rc1",
    "warnings": {
      "large_rot_frame": true,
      "small_air_mask": false
    },
    "webapi_port": null,
    "webapi_url": "https://mriqc.nimh.nih.gov/api/v1"
  },
  "qi_1": 0.0,
  "qi_2": 0.0037003001021875333,
  "rpve_csf": 19.34819743042748,
  "rpve_gm": 8.413189839148968,
  "rpve_wm": 11.305250769476466,
  "size_x": 192,
  "size_y": 256,
  "size_z": 256,
  "snr_csf": 2.683814736487856,
  "snr_gm": 9.831112225501625,
  "snr_total": 9.513899376466108,
  "snr_wm": 16.026771167408842,
  "snrd_csf": 18.128721014145096,
  "snrd_gm": 37.98270606715224,
  "snrd_total": 36.26000366754611,
  "snrd_wm": 52.668583921340996,
  "spacing_x": 0.9000000357627869,
  "spacing_y": 0.859375,
  "spacing_z": 0.859375,
  "summary_bg_k": 3.62092416586216,
  "summary_bg_mad": 12.438845126189902,
  "summary_bg_mean": 21.29839183060089,
  "summary_bg_median": 19.625008545815945,
  "summary_bg_n": 2224085.0,
  "summary_bg_p05": 2.845261462032795,
  "summary_bg_p95": 47.348068945109844,
  "summary_bg_stdv": 13.641664340130642,
  "summary_csf_k": 0.6283091356432013,
  "summary_csf_mad": 141.91099830922738,
  "summary_csf_mean": 366.1944216664453,
  "summary_csf_median": 344.2036814838648,
  "summary_csf_n": 17966.0,
  "summary_csf_p05": 190.86962307803333,
  "summary_csf_p95": 578.0258093252778,
  "summary_csf_stdv": 128.24808559377942,
  "summary_gm_k": 0.28974845938222016,
  "summary_gm_mad": 69.00854948268832,
  "summary_gm_mean": 721.4742086995868,
  "summary_gm_median": 721.1643474921584,
  "summary_gm_n": 41906.0,
  "summary_gm_p05": 600.0583468005061,
  "summary_gm_p95": 843.948322892189,
  "summary_gm_stdv": 73.35444112035663,
  "summary_wm_k": 0.366348206243269,
  "summary_wm_mad": 59.814620476374046,
  "summary_wm_mean": 999.0084451571788,
  "summary_wm_median": 999.9999707713723,
  "summary_wm_n": 394256.0,
  "summary_wm_p05": 894.5064304098487,
  "summary_wm_p95": 1099.2923002541065,
  "summary_wm_stdv": 62.39551885489138,
  "tpm_overlap_csf": 0.17670460045337677,
  "tpm_overlap_gm": 0.44744351506233215,
  "tpm_overlap_wm": 0.49819326400756836,
  "wm2max": 0.4667238446222502
}