{
  "bids_meta": {
    "DeviceSerialNumber": "45031",
    "DwellTime": 8.2e-06,
    "EchoTime": 0.00308,
    "FlipAngle": 9,
    "InstitutionAddress": "Washington Rd, Princeton, NJ 08540, USA",
    "InstitutionName": "Princeton University",
    "InstitutionalDepartmentName": "Princeton Neuroscience Institute",
    "InversionTime": 0.9,
    "MagneticFieldStrength": 3,
    "Manufacturer": "Siemens",
    "ManufacturersModelName": "Skyra",
    "ParallelReductionFactorInPlane": 2,
    "ParallelReductionType": "GRAPPA",
    "PartialFourier": 1,
    "PixelBandwidth": 240,
    "PulseSequenceDetails": "%SiemensSeq%_tfl",
    "PulseSequenceType": "MPRAGE",
    "ReceiveCoilActiveElements": "HE1-4",
    "ReceiveCoilName": "HeadNeck_20",
    "RepetitionTime": 2.3,
    "ScanOptions": "IR",
    "ScanningSequence": "GR_IR",
    "SequenceName": "_tfl3d1_16ns",
    "SequenceVariant": "SK_SP_MP",
    "SoftwareVersions": "syngo_MR_D11",
    "StationName": "AWP45031",
    "dataset": "ds002345",
    "modality": "T1w",
    "subject_id": "021"
  },
  "cjv": 0.41729341980993406,
  "cnr": 3.140838999457132,
  "efc": 0.6099374139588465,
  "fber": 983.3630915576695,
  "fwhm_avg": 3.3064084356347876,
  "fwhm_x": 3.352010977914162,
  "fwhm_y": 3.446248727272727,
  "fwhm_z": 3.1209656017174736,
  "icvs_csf": 0.17840714019323914,
  "icvs_gm": 0.43523406310280427,
  "icvs_wm": 0.38635879670395656,
  "inu_med": 1.433060646057129,
  "inu_range": 0.4953387022018432,
  "provenance": {
    "md5sum": "028bcc1963d55f043bbe72d74611c16b",
    "settings": {
      "testing": false
    },
    "software": "mriqc",
    "version": "21.0.0rc2",
    "warnings": {
      "large_rot_frame": true,
      "small_air_mask": false
    },
    "webapi_port": null,
    "webapi_url": "https://mriqc.nimh.nih.gov/api/v1"
  },
  "qi_1": 0.0,
  "qi_2": 0.004110636480048573,
  "rpve_csf": 22.268091990721643,
  "rpve_gm": 10.288188097618093,
  "rpve_wm": 13.64286276404352,
  "size_x": 192,
  "size_y": 256,
  "size_z": 256,
  "snr_csf": 2.188792844068515,
  "snr_gm": 10.461461260145887,
  "snr_total": 10.139163884683114,
  "snr_wm": 17.76723754983494,
  "snrd_csf": 18.63145375966789,
  "snrd_gm": 35.26110237709381,
  "snrd_total": 34.344322603735925,
  "snrd_wm": 49.140411674446085,
  "spacing_x": 0.9000000357627869,
  "spacing_y": 0.859375,
  "spacing_z": 0.8593750596046448,
  "summary_bg_k": 1.5206634660380534,
  "summary_bg_mad": 13.331926876431588,
  "summary_bg_mean": 23.254472103189343,
  "summary_bg_median": 22.01550379395485,
  "summary_bg_n": 2807366.0,
  "summary_bg_p05": 2.8682170435786247,
  "summary_bg_p95": 50.3100773319602,
  "summary_bg_stdv": 14.638812091234323,
  "summary_csf_k": 36.53906720059797,
  "summary_csf_mad": 143.31821392163957,
  "summary_csf_mean": 395.7565256922306,
  "summary_csf_median": 379.1472854092717,
  "summary_csf_n": 21412.0,
  "summary_csf_p05": 204.03100699186325,
  "summary_csf_p95": 601.7325558979065,
  "summary_csf_stdv": 173.21805154679103,
  "summary_gm_k": 0.5122652524697049,
  "summary_gm_mad": 63.613978673317966,
  "summary_gm_mean": 719.6377913105384,
  "summary_gm_median": 717.5581368617713,
  "summary_gm_n": 29184.0,
  "summary_gm_p05": 609.9999977275729,
  "summary_gm_p95": 836.7441829293966,
  "summary_gm_stdv": 68.58944704019142,
  "summary_wm_k": 0.37961691721232693,
  "summary_wm_mad": 54.2471507385837,
  "summary_wm_mean": 999.142631842687,
  "summary_wm_median": 999.9999962747097,
  "summary_wm_n": 329410.0,
  "summary_wm_p05": 905.1162756979465,
  "summary_wm_p95": 1089.5348796620965,
  "summary_wm_stdv": 56.28328408416979,
  "tpm_overlap_csf": 0.1842220425605774,
  "tpm_overlap_gm": 0.441763699054718,
  "tpm_overlap_wm": 0.5056960582733154,
  "wm2max": 0.4366516602917781
}