{
  "aor": 0.0004981006493506493,
  "aqi": 0.009106153068181818,
  "bids_meta": {
    "CogAtlasID": "https://www.cognitiveatlas.org/task/id/trm_4c8991fadfe01",
    "DeviceSerialNumber": "45031",
    "DwellTime": 4.9e-06,
    "EchoTime": 0.028,
    "EffectiveEchoSpacing": 0.000355001,
    "FlipAngle": 64,
    "InstitutionAddress": "Washington Rd, Princeton, NJ 08540, USA",
    "InstitutionName": "Princeton University",
    "InstitutionalDepartmentName": "Princeton Neuroscience Institute",
    "MagneticFieldStrength": 3,
    "Manufacturer": "Siemens",
    "ManufacturersModelName": "Skyra",
    "NumberOfVolumesDiscardedByScanner": 3,
    "ParallelReductionFactorInPlane": 2,
    "ParallelReductionType": "GRAPPA",
    "PartialFourier": 1,
    "PhaseEncodingDirection": "j-",
    "PixelBandwidth": 1595,
    "PulseSequenceDetails": "%SiemensSeq%_ep2d_bold",
    "PulseSequenceType": "Gradient Echo EPI",
    "ReceiveCoilActiveElements": "HE1-4",
    "ReceiveCoilName": "HeadNeck_20",
    "RepetitionTime": 1.5,
    "ScanOptions": "FS",
    "ScanningSequence": "EP",
    "SequenceName": "_epfid2d1_64",
    "SequenceVariant": "SK",
    "SliceTiming": [
      0,
      0.7675,
      0.055,
      0.8225,
      0.1075,
      0.875,
      0.1625,
      0.93,
      0.2175,
      0.985,
      0.2725,
      1.04,
      0.3275,
      1.095,
      0.3825,
      1.15,
      0.4375,
      1.205,
      0.4925,
      1.26,
      0.5475,
      1.315,
      0.6025,
      1.37,
      0.6575,
      1.425,
      0.7125
    ],
    "SoftwareVersions": "syngo_MR_D13",
    "StationName": "AWP45031",
    "TaskDescription": "Passively listened to audio story 'merlin'",
    "TaskName": "merlin",
    "TotalReadoutTime": 0.022365,
    "dataset": "ds002345",
    "modality": "bold",
    "subject_id": "165",
    "task_id": "merlin"
  },
  "dummy_trs": 0,
  "dvars_nstd": 20.37633164868293,
  "dvars_std": 1.098019350227642,
  "dvars_vstd": 1.001892019691056,
  "efc": 0.549406016664149,
  "fber": 2037.896728515625,
  "fd_mean": 0.13200613969439814,
  "fd_num": 69,
  "fd_perc": 11.2012987012987,
  "fwhm_avg": 1.700481388888889,
  "fwhm_x": 1.6213499999999998,
  "fwhm_y": 1.9330866666666668,
  "fwhm_z": 1.5470075,
  "gcor": 0.0143916,
  "gsr_x": -0.005736435763537884,
  "gsr_y": 0.030776290223002434,
  "provenance": {
    "md5sum": "06bf7154f05dd9dcc2e7630c6ba81b12",
    "settings": {
      "fd_thres": 0.2,
      "testing": false
    },
    "software": "mriqc",
    "version": "22.0.0rc1",
    "webapi_port": null,
    "webapi_url": "https://mriqc.nimh.nih.gov/api/v1"
  },
  "size_t": 616,
  "size_x": 64,
  "size_y": 64,
  "size_z": 27,
  "snr": 8.15196961292773,
  "spacing_tr": 1.5,
  "spacing_x": 3.0,
  "spacing_y": 3.0,
  "spacing_z": 4.0,
  "summary_bg_k": 19.617296253811222,
  "summary_bg_mad": 8.089327747374428,
  "summary_bg_mean": 33.566707611083984,
  "summary_bg_median": 13.084415435791016,
  "summary_bg_n": 61416.0,
  "summary_bg_p05": 6.374594211578369,
  "summary_bg_p95": 133.89447784423828,
  "summary_bg_stdv": 58.54706573486328,
  "summary_fg_k": 4.110282595159083,
  "summary_fg_mad": 64.8687335659555,
  "summary_fg_mean": 619.9033203125,
  "summary_fg_median": 611.8408813476562,
  "summary_fg_n": 22421.0,
  "summary_fg_p05": 522.962646484375,
  "summary_fg_p95": 744.7142944335938,
  "summary_fg_stdv": 75.05268859863281,
  "tsnr": 70.28207061812282
}