{
  "aor": 0.0006451515151515151,
  "aqi": 0.011479928016528924,
  "bids_meta": {
    "CogAtlasID": "https://www.cognitiveatlas.org/task/id/trm_4c8991fadfe01",
    "DeviceSerialNumber": "45031",
    "DwellTime": 4.9e-06,
    "EchoTime": 0.028,
    "EffectiveEchoSpacing": 0.000355001,
    "FlipAngle": 64,
    "InstitutionAddress": "Washington Rd, Princeton, NJ 08540, USA",
    "InstitutionName": "Princeton University",
    "InstitutionalDepartmentName": "Princeton Neuroscience Institute",
    "MagneticFieldStrength": 3,
    "Manufacturer": "Siemens",
    "ManufacturersModelName": "Skyra",
    "NumberOfVolumesDiscardedByScanner": 3,
    "ParallelReductionFactorInPlane": 2,
    "ParallelReductionType": "GRAPPA",
    "PartialFourier": 1,
    "PhaseEncodingDirection": "j-",
    "PixelBandwidth": 1595,
    "PulseSequenceDetails": "%SiemensSeq%_ep2d_bold",
    "PulseSequenceType": "Gradient Echo EPI",
    "ReceiveCoilActiveElements": "HE1-4",
    "ReceiveCoilName": "HeadNeck_20",
    "RepetitionTime": 1.5,
    "ScanOptions": "FS",
    "ScanningSequence": "EP",
    "SequenceName": "_epfid2d1_64",
    "SequenceVariant": "SK",
    "SliceTiming": [
      0,
      0.7675,
      0.055,
      0.8225,
      0.1075,
      0.875,
      0.1625,
      0.93,
      0.2175,
      0.985,
      0.2725,
      1.04,
      0.3275,
      1.095,
      0.3825,
      1.15,
      0.4375,
      1.205,
      0.4925,
      1.26,
      0.5475,
      1.315,
      0.6025,
      1.37,
      0.6575,
      1.425,
      0.7125
    ],
    "SoftwareVersions": "syngo_MR_D13",
    "StationName": "AWP45031",
    "TaskDescription": "Passively listened to audio story 'sherlock'",
    "TaskName": "sherlock",
    "TotalReadoutTime": 0.022365,
    "dataset": "ds002345",
    "modality": "bold",
    "subject_id": "165",
    "task_id": "sherlock"
  },
  "dummy_trs": 0,
  "dvars_nstd": 19.809482377268974,
  "dvars_std": 1.0940030177103428,
  "dvars_vstd": 1.012087735862068,
  "efc": 0.5499316385889798,
  "fber": 2093.02880859375,
  "fd_mean": 0.1300271702595201,
  "fd_num": 77,
  "fd_perc": 10.606060606060606,
  "fwhm_avg": 1.7032774999999998,
  "fwhm_x": 1.6398466666666665,
  "fwhm_y": 1.9378233333333332,
  "fwhm_z": 1.5321625,
  "gcor": 0.0171449,
  "gsr_x": -0.0058372593484818935,
  "gsr_y": 0.030206860974431038,
  "provenance": {
    "md5sum": "077091269f5eee908be9f9460757fc2d",
    "settings": {
      "fd_thres": 0.2,
      "testing": false
    },
    "software": "mriqc",
    "version": "22.0.0rc1",
    "webapi_port": null,
    "webapi_url": "https://mriqc.nimh.nih.gov/api/v1"
  },
  "size_t": 726,
  "size_x": 64,
  "size_y": 64,
  "size_z": 27,
  "snr": 8.127174478483537,
  "spacing_tr": 1.5,
  "spacing_x": 3.0,
  "spacing_y": 3.0,
  "spacing_z": 4.0,
  "summary_bg_k": 19.17285901101668,
  "summary_bg_mad": 8.026678027802056,
  "summary_bg_mean": 33.94408416748047,
  "summary_bg_median": 12.997245788574219,
  "summary_bg_n": 61450.0,
  "summary_bg_p05": 6.381542682647705,
  "summary_bg_p95": 135.55040969848625,
  "summary_bg_stdv": 58.83501052856445,
  "summary_fg_k": 3.8363317780089385,
  "summary_fg_mad": 65.54184981365776,
  "summary_fg_mean": 619.6014404296875,
  "summary_fg_median": 611.361572265625,
  "summary_fg_n": 22460.0,
  "summary_fg_p05": 521.2612365722656,
  "summary_fg_p95": 746.0345947265624,
  "summary_fg_stdv": 75.22269439697266,
  "tsnr": 64.00196269713342
}