{
  "bids_meta": {
    "DeviceSerialNumber": "45031",
    "DwellTime": 8.2e-06,
    "EchoTime": 0.00308,
    "FlipAngle": 9,
    "InstitutionAddress": "Washington Rd, Princeton, NJ 08540, USA",
    "InstitutionName": "Princeton University",
    "InstitutionalDepartmentName": "Princeton Neuroscience Institute",
    "InversionTime": 0.9,
    "MagneticFieldStrength": 3,
    "Manufacturer": "Siemens",
    "ManufacturersModelName": "Skyra",
    "ParallelReductionFactorInPlane": 2,
    "ParallelReductionType": "GRAPPA",
    "PartialFourier": 1,
    "PixelBandwidth": 240,
    "PulseSequenceDetails": "%SiemensSeq%_tfl",
    "PulseSequenceType": "MPRAGE",
    "ReceiveCoilActiveElements": "HE1-4",
    "ReceiveCoilName": "HeadNeck_20",
    "RepetitionTime": 2.3,
    "ScanOptions": "IR",
    "ScanningSequence": "GR_IR",
    "SequenceName": "_tfl3d1_16ns",
    "SequenceVariant": "SK_SP_MP",
    "SoftwareVersions": "syngo_MR_D13",
    "StationName": "AWP45031",
    "dataset": "ds002345",
    "modality": "T1w",
    "subject_id": "172"
  },
  "cjv": 0.4593649167279325,
  "cnr": 2.8300564623964632,
  "efc": 0.6041911598398741,
  "fber": 1151.5854500905784,
  "fwhm_avg": 3.1343231093600994,
  "fwhm_x": 3.1825998735348433,
  "fwhm_y": 3.297082181818182,
  "fwhm_z": 2.9232872727272725,
  "icvs_csf": 0.16257604172668277,
  "icvs_gm": 0.43743721108924183,
  "icvs_wm": 0.3999867471840754,
  "inu_med": 1.5243865251541138,
  "inu_range": 0.5439781188964843,
  "provenance": {
    "md5sum": "bf47664b2163735ec7f16d7a537945d8",
    "settings": {
      "testing": false
    },
    "software": "mriqc",
    "version": "22.0.0rc1",
    "warnings": {
      "large_rot_frame": true,
      "small_air_mask": false
    },
    "webapi_port": null,
    "webapi_url": "https://mriqc.nimh.nih.gov/api/v1"
  },
  "qi_1": 2.8612311087216046e-05,
  "qi_2": 0.004092740171893073,
  "rpve_csf": 23.931050554998244,
  "rpve_gm": 10.127004894439596,
  "rpve_wm": 12.949307497344515,
  "size_x": 192,
  "size_y": 256,
  "size_z": 256,
  "snr_csf": 2.3371760667389756,
  "snr_gm": 9.212860068814418,
  "snr_total": 9.437723168637232,
  "snr_wm": 16.763133370358304,
  "snrd_csf": 16.938839579770306,
  "snrd_gm": 40.842593322154244,
  "snrd_total": 38.208130321673195,
  "snrd_wm": 56.84295806309504,
  "spacing_x": 0.9000000357627869,
  "spacing_y": 0.859375,
  "spacing_z": 0.859375,
  "summary_bg_k": 1331.795803817563,
  "summary_bg_mad": 11.526227590477856,
  "summary_bg_mean": 17.582313146855537,
  "summary_bg_median": 15.62268590182066,
  "summary_bg_n": 3412254.0,
  "summary_bg_p05": 2.591440789401531,
  "summary_bg_p95": 39.24181766808033,
  "summary_bg_stdv": 15.867085955745335,
  "summary_csf_k": 22.685614010853,
  "summary_csf_mad": 109.93825649393878,
  "summary_csf_mean": 325.19337427020355,
  "summary_csf_median": 298.0156907811761,
  "summary_csf_n": 12152.0,
  "summary_csf_p05": 169.5542687922716,
  "summary_csf_p95": 546.012872268632,
  "summary_csf_stdv": 127.50576765187479,
  "summary_gm_k": 0.4267786516133878,
  "summary_gm_mad": 72.88966781025997,
  "summary_gm_mean": 719.6229431270853,
  "summary_gm_median": 718.5695103183389,
  "summary_gm_n": 30220.0,
  "summary_gm_p05": 591.9591174647212,
  "summary_gm_p95": 849.6964142620564,
  "summary_gm_stdv": 77.995065145904,
  "summary_wm_k": 0.49504148349699495,
  "summary_wm_mad": 56.4236283952916,
  "summary_wm_mean": 997.9572225609679,
  "summary_wm_median": 1000.0740212127566,
  "summary_wm_n": 332096.0,
  "summary_wm_p05": 896.194266140461,
  "summary_wm_p95": 1091.8110251575708,
  "summary_wm_stdv": 59.65904425003428,
  "tpm_overlap_csf": 0.16136585175991058,
  "tpm_overlap_gm": 0.4136129915714264,
  "tpm_overlap_wm": 0.4648911952972412,
  "wm2max": 0.5206213382670367
}