{
  "aor": 0.0007836000000000001,
  "aqi": 0.0052446892666666665,
  "bids_meta": {
    "CogAtlasID": "https://www.cognitiveatlas.org/task/id/trm_4c8991fadfe01",
    "DeviceSerialNumber": "45031",
    "DwellTime": 5.4e-06,
    "EchoTime": 0.028,
    "EffectiveEchoSpacing": 0.000390001,
    "FlipAngle": 64,
    "InstitutionAddress": "Washington Rd, Princeton, NJ 08540, USA",
    "InstitutionName": "Princeton University",
    "InstitutionalDepartmentName": "Princeton Neuroscience Institute",
    "MagneticFieldStrength": 3,
    "Manufacturer": "Siemens",
    "ManufacturersModelName": "Skyra",
    "NumberOfVolumesDiscardedByScanner": 3,
    "ParallelReductionFactorInPlane": 2,
    "ParallelReductionType": "GRAPPA",
    "PartialFourier": 1,
    "PhaseEncodingDirection": "j-",
    "PixelBandwidth": 1445,
    "PulseSequenceDetails": "%SiemensSeq%_ep2d_bold",
    "PulseSequenceType": "Gradient Echo EPI",
    "ReceiveCoilActiveElements": "HE1-4",
    "ReceiveCoilName": "HeadNeck_20",
    "RepetitionTime": 1.5,
    "ScanOptions": "FS",
    "ScanningSequence": "EP",
    "SequenceName": "_epfid2d1_64",
    "SequenceVariant": "SK",
    "SliceTiming": [
      0,
      0.7775,
      0.055,
      0.8325,
      0.11,
      0.89,
      0.1675,
      0.945,
      0.2225,
      1,
      0.2775,
      1.055,
      0.3325,
      1.11,
      0.39,
      1.1675,
      0.445,
      1.2225,
      0.5,
      1.2775,
      0.555,
      1.3325,
      0.61,
      1.3875,
      0.6675,
      1.445,
      0.7225
    ],
    "SoftwareVersions": "syngo_MR_D11",
    "StationName": "AWP45031",
    "TaskDescription": "Passively listened to audio story 'pieman'",
    "TaskName": "pieman",
    "TotalReadoutTime": 0.0245701,
    "dataset": "ds002345",
    "modality": "bold",
    "run_id": 1,
    "subject_id": "004",
    "task_id": "pieman"
  },
  "dummy_trs": 0,
  "dvars_nstd": 18.985952504882967,
  "dvars_std": 1.113954516086957,
  "dvars_vstd": 1.0051487862207347,
  "efc": 0.6326012526424996,
  "fber": 1205.989990234375,
  "fd_mean": 0.09656933593317718,
  "fd_num": 0,
  "fd_perc": 0.0,
  "fwhm_avg": 1.834459590301899,
  "fwhm_x": 1.7847601418399923,
  "fwhm_y": 2.064763333333333,
  "fwhm_z": 1.6538552957323722,
  "gcor": 0.0161608,
  "gsr_x": -0.0028336946852505207,
  "gsr_y": 0.04850319027900696,
  "provenance": {
    "md5sum": "55deaea76dc7de4877367a03e2878a58",
    "settings": {
      "fd_thres": 0.2,
      "testing": false
    },
    "software": "mriqc",
    "version": "21.0.0rc2",
    "webapi_port": null,
    "webapi_url": "https://mriqc.nimh.nih.gov/api/v1"
  },
  "size_t": 300,
  "size_x": 64,
  "size_y": 64,
  "size_z": 27,
  "snr": 6.752762156856596,
  "spacing_tr": 1.5,
  "spacing_x": 2.999999761581421,
  "spacing_y": 3.0,
  "spacing_z": 3.9999992847442627,
  "summary_bg_k": 16.871404310234833,
  "summary_bg_mad": 14.292284481485423,
  "summary_bg_mean": 48.87153244018555,
  "summary_bg_median": 18.213333129882812,
  "summary_bg_n": 49945.0,
  "summary_bg_p05": 7.25,
  "summary_bg_p95": 189.11867675781247,
  "summary_bg_stdv": 76.23512268066406,
  "summary_fg_k": 2.694161828337907,
  "summary_fg_mad": 92.15362757999526,
  "summary_fg_mean": 697.9147338867188,
  "summary_fg_median": 691.126708984375,
  "summary_fg_n": 31175.0,
  "summary_fg_p05": 556.4493286132813,
  "summary_fg_p95": 865.2920349121093,
  "summary_fg_stdv": 102.34561920166016,
  "tsnr": 79.21482057427056
}