{
  "aor": 0.002558743093922652,
  "aqi": 0.01394685708563536,
  "bids_meta": {
    "CogAtlasID": "https://www.cognitiveatlas.org/task/id/trm_4c8991fadfe01",
    "DeviceSerialNumber": "45031",
    "DwellTime": 4.9e-06,
    "EchoTime": 0.028,
    "EffectiveEchoSpacing": 0.000355001,
    "FlipAngle": 64,
    "InstitutionAddress": "Washington Rd, Princeton, NJ 08540, USA",
    "InstitutionName": "Princeton University",
    "InstitutionalDepartmentName": "Princeton Neuroscience Institute",
    "MagneticFieldStrength": 3,
    "Manufacturer": "Siemens",
    "ManufacturersModelName": "Skyra",
    "NumberOfVolumesDiscardedByScanner": 3,
    "ParallelReductionFactorInPlane": 2,
    "ParallelReductionType": "GRAPPA",
    "PartialFourier": 1,
    "PhaseEncodingDirection": "j-",
    "PixelBandwidth": 1595,
    "PulseSequenceDetails": "%SiemensSeq%_ep2d_bold",
    "PulseSequenceType": "Gradient Echo EPI",
    "ReceiveCoilActiveElements": "HE1-4",
    "ReceiveCoilName": "HeadNeck_20",
    "RepetitionTime": 1.5,
    "ScanOptions": "FS",
    "ScanningSequence": "EP",
    "SequenceName": "_epfid2d1_64",
    "SequenceVariant": "SK",
    "SliceTiming": [
      0,
      0.7675,
      0.055,
      0.8225,
      0.1075,
      0.875,
      0.1625,
      0.93,
      0.2175,
      0.985,
      0.2725,
      1.04,
      0.3275,
      1.095,
      0.3825,
      1.15,
      0.4375,
      1.205,
      0.4925,
      1.26,
      0.5475,
      1.315,
      0.6025,
      1.37,
      0.6575,
      1.425,
      0.7125
    ],
    "SoftwareVersions": "syngo_MR_D13",
    "StationName": "AWP45031",
    "TaskDescription": "Passively listened to audio story 'sherlock'",
    "TaskName": "sherlock",
    "TotalReadoutTime": 0.022365,
    "dataset": "ds002345",
    "modality": "bold",
    "subject_id": "156",
    "task_id": "sherlock"
  },
  "dummy_trs": 0,
  "dvars_nstd": 24.235749678934972,
  "dvars_std": 1.1479344403457805,
  "dvars_vstd": 0.9745530362932225,
  "efc": 0.6367581224145908,
  "fber": 1408.572509765625,
  "fd_mean": 0.1610743700752621,
  "fd_num": 124,
  "fd_perc": 17.12707182320442,
  "fwhm_avg": 1.7138241666666667,
  "fwhm_x": 1.6749166666666666,
  "fwhm_y": 1.9820233333333332,
  "fwhm_z": 1.4845325,
  "gcor": 0.0180309,
  "gsr_x": -0.007988490164279938,
  "gsr_y": 0.055553942918777466,
  "provenance": {
    "md5sum": "d07c55952d9f09b0dc26b575f05578a9",
    "settings": {
      "fd_thres": 0.2,
      "testing": false
    },
    "software": "mriqc",
    "version": "22.0.0rc1",
    "webapi_port": null,
    "webapi_url": "https://mriqc.nimh.nih.gov/api/v1"
  },
  "size_t": 724,
  "size_x": 64,
  "size_y": 64,
  "size_z": 27,
  "snr": 7.233770477163119,
  "spacing_tr": 1.5,
  "spacing_x": 3.0,
  "spacing_y": 3.0,
  "spacing_z": 4.0,
  "summary_bg_k": 11.130938500478768,
  "summary_bg_mad": 14.455373044349276,
  "summary_bg_mean": 56.92839431762695,
  "summary_bg_median": 19.1975154876709,
  "summary_bg_n": 50265.0,
  "summary_bg_p05": 7.989226913452149,
  "summary_bg_p95": 238.67459106445284,
  "summary_bg_stdv": 86.17381286621094,
  "summary_fg_k": 3.1476270762488507,
  "summary_fg_mad": 96.49510747728795,
  "summary_fg_mean": 768.732177734375,
  "summary_fg_median": 758.8536376953125,
  "summary_fg_n": 31310.0,
  "summary_fg_p05": 630.1893920898438,
  "summary_fg_p95": 942.7121704101562,
  "summary_fg_stdv": 104.90262603759766,
  "tsnr": 57.163658739300445
}