{
  "aor": 0.0007264965986394558,
  "aqi": 0.007926447040816327,
  "bids_meta": {
    "AcquisitionMatrixPE": 96,
    "BandwidthPerPixelPhaseEncode": 20.425,
    "BaseResolution": 96,
    "BodyPartExamined": "BRAIN",
    "ConsistencyInfo": "N4_VE11C_LATEST_20160120",
    "ConversionSoftware": "dcm2niix",
    "ConversionSoftwareVersion": "v1.0.20180328 GCC6.3.0",
    "DerivedVendorReportedEchoSpacing": 0.000509996,
    "DeviceSerialNumber": "66018",
    "EchoTime": 0.031,
    "EchoTrainLength": 96,
    "EffectiveEchoSpacing": 0.000509996,
    "FlipAngle": 67,
    "ImageOrientationPatientDICOM": [
      1,
      0,
      0,
      0,
      1,
      0
    ],
    "ImageType": [
      "ORIGINAL",
      "PRIMARY",
      "M",
      "ND",
      "NORM",
      "MOSAIC"
    ],
    "InPlanePhaseEncodingDirectionDICOM": "COL",
    "InstitutionAddress": "Washington Rd, Princeton, NJ 08540, USA",
    "InstitutionName": "Princeton University",
    "InstitutionalDepartmentName": "Princeton Neuroscience Institute",
    "MRAcquisitionType": "2D",
    "MagneticFieldStrength": 3,
    "Manufacturer": "Siemens",
    "ManufacturersModelName": "Prisma",
    "Modality": "MR",
    "MultibandAccelerationFactor": 3,
    "NumberOfVolumesDiscardedByScanner": 3,
    "PartialFourier": 1,
    "PatientPosition": "HFS",
    "PercentPhaseFOV": 100,
    "PhaseEncodingDirection": "j-",
    "PhaseEncodingSteps": 96,
    "PhaseResolution": 1,
    "PixelBandwidth": 2480,
    "ProcedureStepDescription": "Hasson_Nastase_042518_Storyteller",
    "ProtocolName": "func_task-pieman",
    "PulseSequenceDetails": "%SiemensSeq%_ep2d_bold",
    "ReceiveCoilActiveElements": "HC1-7;NC1",
    "ReceiveCoilName": "HeadNeck_64",
    "ReconMatrixPE": 96,
    "RepetitionTime": 1.5,
    "SAR": 0.0436454,
    "ScanOptions": "FS",
    "ScanningSequence": "EP",
    "SequenceName": "_epfid2d1_96",
    "SequenceVariant": "SK",
    "SeriesDescription": "func_task-pieman",
    "SeriesNumber": 7,
    "ShimSetting": [
      733,
      530,
      2102,
      597,
      -84,
      71,
      43,
      100
    ],
    "SliceThickness": 2.5,
    "SliceTiming": [
      1.11,
      0,
      0.74,
      0.0925,
      0.8325,
      0.185,
      0.925,
      0.2775,
      1.0175,
      0.4625,
      1.2025,
      0.555,
      1.295,
      0.6475,
      1.3875,
      0.37,
      1.11,
      0,
      0.74,
      0.0925,
      0.8325,
      0.185,
      0.925,
      0.2775,
      1.0175,
      0.4625,
      1.2025,
      0.555,
      1.295,
      0.6475,
      1.3875,
      0.37,
      1.11,
      0,
      0.74,
      0.0925,
      0.8325,
      0.185,
      0.925,
      0.2775,
      1.0175,
      0.4625,
      1.2025,
      0.555,
      1.295,
      0.6475,
      1.3875,
      0.37
    ],
    "SoftwareVersions": "syngo_MR_E11",
    "SpacingBetweenSlices": 2.5,
    "StationName": "AWP66018",
    "TaskDescription": "Passively listened to audio story 'piemanpni'",
    "TaskName": "piemanpni",
    "TotalReadoutTime": 0.0484496,
    "TxRefAmp": 233.982,
    "dataset": "ds002345",
    "modality": "bold",
    "subject_id": "282",
    "task_id": "piemanpni"
  },
  "dummy_trs": 0,
  "dvars_nstd": 30.91921471112627,
  "dvars_std": 1.3275633418771322,
  "dvars_vstd": 0.9993097451194538,
  "efc": 0.4587853583299105,
  "fber": 3709.152587890625,
  "fd_mean": 0.12256246924277435,
  "fd_num": 25,
  "fd_perc": 8.503401360544217,
  "fwhm_avg": 1.9629746666666668,
  "fwhm_x": 1.8314840000000001,
  "fwhm_y": 2.147496,
  "fwhm_z": 1.909944,
  "gcor": 0.0251588,
  "gsr_x": -0.019343474879860878,
  "gsr_y": 0.027900168672204018,
  "provenance": {
    "md5sum": "63efcfd21dbb1f6c03edad30e4827c16",
    "settings": {
      "fd_thres": 0.2,
      "testing": false
    },
    "software": "mriqc",
    "version": "22.0.0rc1",
    "webapi_port": null,
    "webapi_url": "https://mriqc.nimh.nih.gov/api/v1"
  },
  "size_t": 294,
  "size_x": 96,
  "size_y": 96,
  "size_z": 48,
  "snr": 6.078620531928436,
  "spacing_tr": 1.5,
  "spacing_x": 2.5,
  "spacing_y": 2.5,
  "spacing_z": 2.5,
  "summary_bg_k": 31.737067230536418,
  "summary_bg_mad": 7.796268154818324,
  "summary_bg_mean": 30.612468719482422,
  "summary_bg_median": 12.125849723815918,
  "summary_bg_n": 314504.0,
  "summary_bg_p05": 5.261904716491699,
  "summary_bg_p95": 117.62278556823684,
  "summary_bg_stdv": 58.29823303222656,
  "summary_fg_k": 1.4626429129427372,
  "summary_fg_mad": 120.93293286951787,
  "summary_fg_mean": 749.0955200195312,
  "summary_fg_median": 748.1207275390625,
  "summary_fg_n": 66154.0,
  "summary_fg_p05": 566.4363891601563,
  "summary_fg_p95": 946.9321166992187,
  "summary_fg_stdv": 123.07316589355469,
  "tsnr": 60.775495996233076
}