{
  "aor": 0.006797490039840638,
  "aqi": 0.009604617171314738,
  "bids_meta": {
    "CogAtlasID": "https://www.cognitiveatlas.org/task/id/trm_4c8991fadfe01",
    "DeviceSerialNumber": "66018",
    "DwellTime": 4.2e-06,
    "EchoTime": 0.039,
    "EffectiveEchoSpacing": 0.000929976,
    "FlipAngle": 50,
    "InstitutionAddress": "Washington Rd, Princeton, NJ 08540, USA",
    "InstitutionName": "Princeton University",
    "InstitutionalDepartmentName": "Princeton Neuroscience Institute",
    "MagneticFieldStrength": 3,
    "Manufacturer": "Siemens",
    "ManufacturersModelName": "Prisma",
    "NumberOfVolumesDiscardedByScanner": 3,
    "ParallelReductionType": "GRAPPA",
    "PartialFourier": 0.75,
    "PhaseEncodingDirection": "j-",
    "PixelBandwidth": 1240,
    "PulseSequenceDetails": "%CustomerSeq%_ep2d_bold_sms_mgh_v22",
    "PulseSequenceType": "Gradient Echo EPI",
    "ReceiveCoilActiveElements": "HC1-7;NC1,2",
    "ReceiveCoilName": "HeadNeck_64",
    "RepetitionTime": 1.5,
    "ScanOptions": "PFP_FS",
    "ScanningSequence": "EP",
    "SequenceName": "epfSM2d1_96",
    "SequenceVariant": "SK",
    "SliceTiming": [
      0.6925,
      0,
      0.79,
      0.1,
      0.8875,
      0.1975,
      0.9875,
      0.2975,
      1.085,
      0.395,
      1.185,
      0.495,
      1.2825,
      0.5925,
      1.3825,
      0.6925,
      0,
      0.79,
      0.1,
      0.8875,
      0.1975,
      0.9875,
      0.2975,
      1.085,
      0.395,
      1.185,
      0.495,
      1.2825,
      0.5925,
      1.3825,
      0.6925,
      0,
      0.79,
      0.1,
      0.8875,
      0.1975,
      0.9875,
      0.2975,
      1.085,
      0.395,
      1.185,
      0.495,
      1.2825,
      0.5925,
      1.3825,
      0.6925,
      0,
      0.79,
      0.1,
      0.8875,
      0.1975,
      0.9875,
      0.2975,
      1.085,
      0.395,
      1.185,
      0.495,
      1.2825,
      0.5925,
      1.3825
    ],
    "SoftwareVersions": "syngo_MR_D13D",
    "StationName": "AWP66018",
    "TaskDescription": "Passively listened to audio story 'schema'",
    "TaskName": "schema",
    "TotalReadoutTime": 0.0883478,
    "dataset": "ds002345",
    "modality": "bold",
    "run_id": 3,
    "subject_id": "188",
    "task_id": "schema"
  },
  "dummy_trs": 3,
  "dvars_nstd": 43.44685839660675,
  "dvars_std": 1.1566882566267458,
  "dvars_vstd": 1.0469947498802397,
  "efc": 0.5889723152867701,
  "fber": 128.79136657714844,
  "fd_mean": 0.25121712489639214,
  "fd_num": 163,
  "fd_perc": 32.47011952191235,
  "fwhm_avg": 3.0663300000000002,
  "fwhm_x": 2.88794,
  "fwhm_y": 3.142145,
  "fwhm_z": 3.168905,
  "gcor": 0.0360989,
  "gsr_x": 0.014475887641310692,
  "gsr_y": 0.025071660056710243,
  "provenance": {
    "md5sum": "89e0f5a2e4a45b0b84fc672f382bf846",
    "settings": {
      "fd_thres": 0.2,
      "testing": false
    },
    "software": "mriqc",
    "version": "22.0.0rc1",
    "webapi_port": null,
    "webapi_url": "https://mriqc.nimh.nih.gov/api/v1"
  },
  "size_t": 502,
  "size_x": 96,
  "size_y": 96,
  "size_z": 60,
  "snr": 1.784057045506024,
  "spacing_tr": 1.5,
  "spacing_x": 2.0,
  "spacing_y": 2.0,
  "spacing_z": 2.0,
  "summary_bg_k": 53.83913248210225,
  "summary_bg_mad": 16.663031849165698,
  "summary_bg_mean": 64.47689056396484,
  "summary_bg_median": 46.37450408935547,
  "summary_bg_n": 313487.0,
  "summary_bg_p05": 29.830678939819336,
  "summary_bg_p95": 162.107179260254,
  "summary_bg_stdv": 61.61989974975586,
  "summary_fg_k": 5.438708126941325,
  "summary_fg_mad": 241.54751890036982,
  "summary_fg_mean": 606.60595703125,
  "summary_fg_median": 540.9173583984375,
  "summary_fg_n": 150024.0,
  "summary_fg_p05": 264.2808837890625,
  "summary_fg_p95": 1175.490740966797,
  "summary_fg_stdv": 303.194091796875,
  "tsnr": 29.447801129426807
}