{
  "aor": 0.0012608108108108109,
  "aqi": 0.004979267528957529,
  "bids_meta": {
    "CogAtlasID": "https://www.cognitiveatlas.org/task/id/trm_4c8991fadfe01",
    "DeviceSerialNumber": "66018",
    "DwellTime": 4.2e-06,
    "EchoTime": 0.039,
    "EffectiveEchoSpacing": 0.000929976,
    "FlipAngle": 50,
    "InstitutionAddress": "Washington Rd, Princeton, NJ 08540, USA",
    "InstitutionName": "Princeton University",
    "InstitutionalDepartmentName": "Princeton Neuroscience Institute",
    "MagneticFieldStrength": 3,
    "Manufacturer": "Siemens",
    "ManufacturersModelName": "Prisma",
    "NumberOfVolumesDiscardedByScanner": 3,
    "ParallelReductionType": "GRAPPA",
    "PartialFourier": 0.75,
    "PhaseEncodingDirection": "j-",
    "PixelBandwidth": 1240,
    "PulseSequenceDetails": "%CustomerSeq%_ep2d_bold_sms_mgh_v22",
    "PulseSequenceType": "Gradient Echo EPI",
    "ReceiveCoilActiveElements": "HC1-7;NC1,2",
    "ReceiveCoilName": "HeadNeck_64",
    "RepetitionTime": 1.5,
    "ScanOptions": "PFP_FS",
    "ScanningSequence": "EP",
    "SequenceName": "epfSM2d1_96",
    "SequenceVariant": "SK",
    "SliceTiming": [
      0.6925,
      0,
      0.79,
      0.1,
      0.8875,
      0.1975,
      0.9875,
      0.2975,
      1.085,
      0.395,
      1.185,
      0.495,
      1.2825,
      0.5925,
      1.3825,
      0.6925,
      0,
      0.79,
      0.1,
      0.8875,
      0.1975,
      0.9875,
      0.2975,
      1.085,
      0.395,
      1.185,
      0.495,
      1.2825,
      0.5925,
      1.3825,
      0.6925,
      0,
      0.79,
      0.1,
      0.8875,
      0.1975,
      0.9875,
      0.2975,
      1.085,
      0.395,
      1.185,
      0.495,
      1.2825,
      0.5925,
      1.3825,
      0.6925,
      0,
      0.79,
      0.1,
      0.8875,
      0.1975,
      0.9875,
      0.2975,
      1.085,
      0.395,
      1.185,
      0.495,
      1.2825,
      0.5925,
      1.3825
    ],
    "SoftwareVersions": "syngo_MR_D13D",
    "StationName": "AWP66018",
    "TaskDescription": "Passively listened to audio story 'schema'",
    "TaskName": "schema",
    "TotalReadoutTime": 0.0883478,
    "dataset": "ds002345",
    "modality": "bold",
    "run_id": 1,
    "subject_id": "188",
    "task_id": "schema"
  },
  "dummy_trs": 0,
  "dvars_nstd": 34.954738104158615,
  "dvars_std": 1.1350988855899413,
  "dvars_vstd": 1.0049442239264987,
  "efc": 0.5704800113392424,
  "fber": 248.98779296875,
  "fd_mean": 0.12564597883880962,
  "fd_num": 41,
  "fd_perc": 7.915057915057915,
  "fwhm_avg": 3.0414366666666663,
  "fwhm_x": 2.87066,
  "fwhm_y": 3.141935,
  "fwhm_z": 3.111715,
  "gcor": 0.0263296,
  "gsr_x": 0.012850782833993435,
  "gsr_y": 0.033586062490940094,
  "provenance": {
    "md5sum": "cf423b2fc4e266328cf7c10943bd3135",
    "settings": {
      "fd_thres": 0.2,
      "testing": false
    },
    "software": "mriqc",
    "version": "22.0.6",
    "webapi_port": null,
    "webapi_url": "https://mriqc.nimh.nih.gov/api/v1"
  },
  "size_t": 518,
  "size_x": 96,
  "size_y": 96,
  "size_z": 60,
  "snr": 1.8024536255333237,
  "spacing_tr": 1.5,
  "spacing_x": 2.0,
  "spacing_y": 2.0,
  "spacing_z": 2.0,
  "summary_bg_k": 53.51202620902054,
  "summary_bg_mad": 13.00282368815822,
  "summary_bg_mean": 54.75462341308594,
  "summary_bg_median": 33.41891860961914,
  "summary_bg_n": 314759.0,
  "summary_bg_p05": 22.749034881591797,
  "summary_bg_p95": 156.0389907836913,
  "summary_bg_stdv": 63.53173065185547,
  "summary_fg_k": 5.201188561301484,
  "summary_fg_mad": 241.49820138272543,
  "summary_fg_mean": 609.8238525390625,
  "summary_fg_median": 544.4034423828125,
  "summary_fg_n": 148721.0,
  "summary_fg_p05": 269.0289611816406,
  "summary_fg_p95": 1176.0849609375,
  "summary_fg_stdv": 302.03363037109375,
  "tsnr": 42.001403918489814
}