{
  "aor": 0.0059418383838383835,
  "aqi": 0.01137309088888889,
  "bids_meta": {
    "CogAtlasID": "https://www.cognitiveatlas.org/task/id/trm_4c8991fadfe01",
    "DeviceSerialNumber": "66018",
    "DwellTime": 4.2e-06,
    "EchoTime": 0.039,
    "EffectiveEchoSpacing": 0.000929976,
    "FlipAngle": 50,
    "InstitutionAddress": "Washington Rd, Princeton, NJ 08540, USA",
    "InstitutionName": "Princeton University",
    "InstitutionalDepartmentName": "Princeton Neuroscience Institute",
    "MagneticFieldStrength": 3,
    "Manufacturer": "Siemens",
    "ManufacturersModelName": "Prisma",
    "NumberOfVolumesDiscardedByScanner": 3,
    "ParallelReductionType": "GRAPPA",
    "PartialFourier": 0.75,
    "PhaseEncodingDirection": "j-",
    "PixelBandwidth": 1240,
    "PulseSequenceDetails": "%CustomerSeq%_ep2d_bold_sms_mgh_v22",
    "PulseSequenceType": "Gradient Echo EPI",
    "ReceiveCoilActiveElements": "HC1-7;NC1,2",
    "ReceiveCoilName": "HeadNeck_64",
    "RepetitionTime": 1.5,
    "ScanOptions": "PFP_FS",
    "ScanningSequence": "EP",
    "SequenceName": "epfSM2d1_96",
    "SequenceVariant": "SK",
    "SliceTiming": [
      0.6925,
      0,
      0.79,
      0.1,
      0.8875,
      0.1975,
      0.9875,
      0.2975,
      1.085,
      0.395,
      1.185,
      0.495,
      1.2825,
      0.5925,
      1.3825,
      0.6925,
      0,
      0.79,
      0.1,
      0.8875,
      0.1975,
      0.9875,
      0.2975,
      1.085,
      0.395,
      1.185,
      0.495,
      1.2825,
      0.5925,
      1.3825,
      0.6925,
      0,
      0.79,
      0.1,
      0.8875,
      0.1975,
      0.9875,
      0.2975,
      1.085,
      0.395,
      1.185,
      0.495,
      1.2825,
      0.5925,
      1.3825,
      0.6925,
      0,
      0.79,
      0.1,
      0.8875,
      0.1975,
      0.9875,
      0.2975,
      1.085,
      0.395,
      1.185,
      0.495,
      1.2825,
      0.5925,
      1.3825
    ],
    "SoftwareVersions": "syngo_MR_D13D",
    "StationName": "AWP66018",
    "TaskDescription": "Passively listened to audio story 'schema'",
    "TaskName": "schema",
    "TotalReadoutTime": 0.0883478,
    "dataset": "ds002345",
    "modality": "bold",
    "run_id": 4,
    "subject_id": "188",
    "task_id": "schema"
  },
  "dummy_trs": 0,
  "dvars_nstd": 45.89161324989881,
  "dvars_std": 1.1344908301416996,
  "dvars_vstd": 1.02976916145749,
  "efc": 0.5951004474407389,
  "fber": 105.03353118896484,
  "fd_mean": 0.28290515335755995,
  "fd_num": 190,
  "fd_perc": 38.38383838383838,
  "fwhm_avg": 3.054046666666667,
  "fwhm_x": 2.869865,
  "fwhm_y": 3.1544,
  "fwhm_z": 3.137875,
  "gcor": 0.0246505,
  "gsr_x": 0.020376745611429214,
  "gsr_y": 0.023553146049380302,
  "provenance": {
    "md5sum": "e798f1c3c90dd7de419868427b98944b",
    "settings": {
      "fd_thres": 0.2,
      "testing": false
    },
    "software": "mriqc",
    "version": "22.0.0rc1",
    "webapi_port": null,
    "webapi_url": "https://mriqc.nimh.nih.gov/api/v1"
  },
  "size_t": 495,
  "size_x": 96,
  "size_y": 96,
  "size_z": 60,
  "snr": 1.8042146415806657,
  "spacing_tr": 1.5,
  "spacing_x": 2.0,
  "spacing_y": 2.0,
  "spacing_z": 2.0,
  "summary_bg_k": 52.14917587755226,
  "summary_bg_mad": 20.08252301636811,
  "summary_bg_mean": 67.63472747802734,
  "summary_bg_median": 51.537376403808594,
  "summary_bg_n": 312460.0,
  "summary_bg_p05": 29.94949722290039,
  "summary_bg_p95": 163.11777877807603,
  "summary_bg_stdv": 59.19612121582031,
  "summary_fg_k": 5.359483345265977,
  "summary_fg_mad": 240.0542840060418,
  "summary_fg_mean": 606.65087890625,
  "summary_fg_median": 542.2384033203125,
  "summary_fg_n": 149640.0,
  "summary_fg_p05": 265.32696838378905,
  "summary_fg_p95": 1169.5013488769525,
  "summary_fg_stdv": 300.5388488769531,
  "tsnr": 26.87281402561348
}