{
  "bids_meta": {
    "DeviceSerialNumber": "66018",
    "DwellTime": 9.8e-06,
    "EchoTime": 0.00267,
    "FlipAngle": 7,
    "InstitutionAddress": "Washington Rd, Building 25, Princeton, NJ 08540, USA",
    "InstitutionName": "Princeton University",
    "InstitutionalDepartmentName": "Princeton Neuroscience Institute",
    "InversionTime": 1.2,
    "MagneticFieldStrength": 3,
    "Manufacturer": "Siemens",
    "ManufacturersModelName": "Prisma",
    "ParallelReductionFactorInPlane": 2,
    "ParellelReductionType": "TODO",
    "PartialFourier": 1,
    "PixelBandwidth": 200,
    "PulseSequenceDetails": "%SiemensSeq%_tfl",
    "PulseSequenceType": "MPRAGE",
    "ReceiveCoilActiveElements": "HC1-7;NC1",
    "ReceiveCoilName": "HeadNeck_64",
    "RepetitionTime": 2.53,
    "ScanOptions": "IR",
    "ScanningSequence": "GR_IR",
    "SequenceName": "_tfl3d1_16",
    "SequenceVariant": "SK_SP_MP",
    "SoftwareVersions": "syngo_MR_D13D",
    "StationName": "AWP66018",
    "dataset": "ds002345",
    "modality": "T1w",
    "subject_id": "183"
  },
  "cjv": 0.33239115821766774,
  "cnr": 3.9176107987704993,
  "efc": 0.5579154791530881,
  "fber": 7025.810139693737,
  "fwhm_avg": 4.1690000000000005,
  "fwhm_x": 4.16046,
  "fwhm_y": 4.12077,
  "fwhm_z": 4.22577,
  "icvs_csf": 0.1787210746068002,
  "icvs_gm": 0.46402921566961497,
  "icvs_wm": 0.35724970972358483,
  "inu_med": 0.658887505531311,
  "inu_range": 0.36227145195007326,
  "provenance": {
    "md5sum": "183b7cdb2cf2b39b6d1bc66798086f69",
    "settings": {
      "testing": false
    },
    "software": "mriqc",
    "version": "22.0.6",
    "warnings": {
      "large_rot_frame": true,
      "small_air_mask": false
    },
    "webapi_port": null,
    "webapi_url": "https://mriqc.nimh.nih.gov/api/v1"
  },
  "qi_1": 3.889624135895688e-06,
  "qi_2": 0.0018878773541848,
  "rpve_csf": 27.025837117414635,
  "rpve_gm": 11.553168227698649,
  "rpve_wm": 16.648557453870083,
  "size_x": 176,
  "size_y": 256,
  "size_z": 256,
  "snr_csf": 1.5537933672240551,
  "snr_gm": 10.648350310613665,
  "snr_total": 10.967521527507143,
  "snr_wm": 20.700420904683707,
  "snrd_csf": 12.298613463122946,
  "snrd_gm": 42.61287048168865,
  "snrd_total": 39.20863476821097,
  "snrd_wm": 62.71442035982132,
  "spacing_x": 1.0,
  "spacing_y": 1.0,
  "spacing_z": 1.0,
  "summary_bg_k": 15.97450557837194,
  "summary_bg_mad": 10.44680148585314,
  "summary_bg_mean": 12.730875603205442,
  "summary_bg_median": 7.04626052454114,
  "summary_bg_n": 2863301.0,
  "summary_bg_p05": 0.0,
  "summary_bg_p95": 44.903498746454716,
  "summary_bg_stdv": 16.988835871127968,
  "summary_csf_k": 23.8036604696173,
  "summary_csf_mad": 94.86474392743659,
  "summary_csf_mean": 218.25145030985382,
  "summary_csf_median": 196.11362366750836,
  "summary_csf_n": 22995.0,
  "summary_csf_p05": 66.64186894856394,
  "summary_csf_p95": 441.8574301600456,
  "summary_csf_stdv": 126.21328130963012,
  "summary_gm_k": 0.11502718789045119,
  "summary_gm_mad": 62.940356778121405,
  "summary_gm_mean": 678.8943118845209,
  "summary_gm_median": 679.5046018883586,
  "summary_gm_n": 46770.0,
  "summary_gm_p05": 572.8478509671986,
  "summary_gm_p95": 782.4412773773074,
  "summary_gm_stdv": 63.8124514790876,
  "summary_wm_k": 0.9150129885159566,
  "summary_wm_mad": 43.6040409844305,
  "summary_wm_mean": 1001.1452170313614,
  "summary_wm_median": 1000.0438073650002,
  "summary_wm_n": 206299.0,
  "summary_wm_p05": 923.979206174612,
  "summary_wm_p95": 1081.972998060286,
  "summary_wm_stdv": 48.310195632930245,
  "tpm_overlap_csf": 0.14478576812087507,
  "tpm_overlap_gm": 0.47387033544306567,
  "tpm_overlap_wm": 0.49977895133400335,
  "wm2max": 0.4385291521130004
}