{
  "aor": 0.0025483503779457537,
  "aqi": 0.027691550831480654,
  "bids_meta": {
    "CogAtlasID": "https://www.cognitiveatlas.org/task/id/trm_4c8991fadfe01",
    "DeviceSerialNumber": "45031",
    "DwellTime": 4.9e-06,
    "EchoTime": 0.028,
    "EffectiveEchoSpacing": 0.000355001,
    "FlipAngle": 64,
    "InstitutionAddress": "Washington Rd, Princeton, NJ 08540, USA",
    "InstitutionName": "Princeton University",
    "InstitutionalDepartmentName": "Princeton Neuroscience Institute",
    "MagneticFieldStrength": 3,
    "Manufacturer": "Siemens",
    "ManufacturersModelName": "Skyra",
    "NumberOfVolumesDiscardedByScanner": 3,
    "ParallelReductionFactorInPlane": 2,
    "ParallelReductionType": "GRAPPA",
    "PartialFourier": 1,
    "PhaseEncodingDirection": "j-",
    "PixelBandwidth": 1595,
    "PulseSequenceDetails": "%SiemensSeq%_ep2d_bold",
    "PulseSequenceType": "Gradient Echo EPI",
    "ReceiveCoilActiveElements": "HE1-4",
    "ReceiveCoilName": "HeadNeck_20",
    "RepetitionTime": 1.5,
    "ScanOptions": "FS",
    "ScanningSequence": "EP",
    "SequenceName": "_epfid2d1_64",
    "SequenceVariant": "SK",
    "SliceTiming": [
      0,
      0.7675,
      0.055,
      0.8225,
      0.11,
      0.8775,
      0.165,
      0.9325,
      0.22,
      0.9875,
      0.275,
      1.0425,
      0.33,
      1.0975,
      0.385,
      1.1525,
      0.44,
      1.2075,
      0.495,
      1.2625,
      0.55,
      1.315,
      0.6025,
      1.37,
      0.6575,
      1.425,
      0.7125
    ],
    "SoftwareVersions": "syngo_MR_E11",
    "StationName": "AWP45031",
    "TaskDescription": "Passively listened to audio story '21styear'",
    "TaskName": "21styear",
    "TotalReadoutTime": 0.022365,
    "dataset": "ds002345",
    "modality": "bold",
    "subject_id": "254",
    "task_id": "21styear"
  },
  "dummy_trs": 0,
  "dvars_nstd": 23.71846249257118,
  "dvars_std": 1.1411786665524926,
  "dvars_vstd": 1.0040976013612088,
  "efc": 0.6255854168097571,
  "fber": 1655.6590576171875,
  "fd_mean": 0.22041794879884677,
  "fd_num": 1055,
  "fd_perc": 46.909737661182746,
  "fwhm_avg": 1.7558616666666669,
  "fwhm_x": 1.7822766666666665,
  "fwhm_y": 2.0267233333333334,
  "fwhm_z": 1.458585,
  "gcor": 0.0268524,
  "gsr_x": -0.010540870018303394,
  "gsr_y": 0.042567770928144455,
  "provenance": {
    "md5sum": "6b2562c3053c978582ac0fedf68ab2ce",
    "settings": {
      "fd_thres": 0.2,
      "testing": false
    },
    "software": "mriqc",
    "version": "22.0.0rc1",
    "webapi_port": null,
    "webapi_url": "https://mriqc.nimh.nih.gov/api/v1"
  },
  "size_t": 2249,
  "size_x": 64,
  "size_y": 64,
  "size_z": 27,
  "snr": 7.3030749958315155,
  "spacing_tr": 1.5,
  "spacing_x": 3.0,
  "spacing_y": 3.0,
  "spacing_z": 4.0,
  "summary_bg_k": 34.05417427119203,
  "summary_bg_mad": 11.883231909411144,
  "summary_bg_mean": 39.23579788208008,
  "summary_bg_median": 16.64717674255371,
  "summary_bg_n": 49214.0,
  "summary_bg_p05": 7.143619537353516,
  "summary_bg_p95": 134.79757690429682,
  "summary_bg_stdv": 65.19396209716797,
  "summary_fg_k": 2.7513863252274167,
  "summary_fg_mad": 84.83789415988507,
  "summary_fg_mean": 707.9474487304688,
  "summary_fg_median": 697.3646240234375,
  "summary_fg_n": 32181.0,
  "summary_fg_p05": 580.1560668945312,
  "summary_fg_p95": 872.3175048828125,
  "summary_fg_stdv": 95.4876937866211,
  "tsnr": 42.68165182787925
}