{
  "aor": 0.00042787292817679555,
  "aqi": 0.007213577279005525,
  "bids_meta": {
    "CogAtlasID": "https://www.cognitiveatlas.org/task/id/trm_4c8991fadfe01",
    "DeviceSerialNumber": "45031",
    "DwellTime": 4.9e-06,
    "EchoTime": 0.028,
    "EffectiveEchoSpacing": 0.000355001,
    "FlipAngle": 64,
    "InstitutionAddress": "Washington Rd, Princeton, NJ 08540, USA",
    "InstitutionName": "Princeton University",
    "InstitutionalDepartmentName": "Princeton Neuroscience Institute",
    "MagneticFieldStrength": 3,
    "Manufacturer": "Siemens",
    "ManufacturersModelName": "Skyra",
    "NumberOfVolumesDiscardedByScanner": 3,
    "ParallelReductionFactorInPlane": 2,
    "ParallelReductionType": "GRAPPA",
    "PartialFourier": 1,
    "PhaseEncodingDirection": "j-",
    "PixelBandwidth": 1595,
    "PulseSequenceDetails": "%SiemensSeq%_ep2d_bold",
    "PulseSequenceType": "Gradient Echo EPI",
    "ReceiveCoilActiveElements": "HE1-4",
    "ReceiveCoilName": "HeadNeck_20",
    "RepetitionTime": 1.5,
    "ScanOptions": "FS",
    "ScanningSequence": "EP",
    "SequenceName": "_epfid2d1_64",
    "SequenceVariant": "SK",
    "SliceTiming": [
      0,
      0.7675,
      0.055,
      0.8225,
      0.1075,
      0.875,
      0.1625,
      0.93,
      0.2175,
      0.985,
      0.2725,
      1.04,
      0.3275,
      1.095,
      0.3825,
      1.15,
      0.4375,
      1.205,
      0.4925,
      1.26,
      0.5475,
      1.315,
      0.6025,
      1.37,
      0.6575,
      1.425,
      0.7125
    ],
    "SoftwareVersions": "syngo_MR_D13",
    "StationName": "AWP45031",
    "TaskDescription": "Passively listened to audio story 'sherlock'",
    "TaskName": "sherlock",
    "TotalReadoutTime": 0.022365,
    "dataset": "ds002345",
    "modality": "bold",
    "subject_id": "149",
    "task_id": "sherlock"
  },
  "dummy_trs": 1,
  "dvars_nstd": 23.63547862240663,
  "dvars_std": 1.1862957847026272,
  "dvars_vstd": 0.9970445394329183,
  "efc": 0.6078353888168653,
  "fber": 1201.5673828125,
  "fd_mean": 0.21358285593253284,
  "fd_num": 380,
  "fd_perc": 52.48618784530387,
  "fwhm_avg": 1.6291238888888888,
  "fwhm_x": 1.59873,
  "fwhm_y": 1.7903466666666665,
  "fwhm_z": 1.498295,
  "gcor": 0.0144334,
  "gsr_x": 0.007790965493768454,
  "gsr_y": 0.03239178657531738,
  "provenance": {
    "md5sum": "ac8d55d6c2328100313dd934e719b209",
    "settings": {
      "fd_thres": 0.2,
      "testing": false
    },
    "software": "mriqc",
    "version": "22.0.0rc1",
    "webapi_port": null,
    "webapi_url": "https://mriqc.nimh.nih.gov/api/v1"
  },
  "size_t": 724,
  "size_x": 64,
  "size_y": 64,
  "size_z": 27,
  "snr": 6.693193384620453,
  "spacing_tr": 1.5,
  "spacing_x": 3.0,
  "spacing_y": 3.0,
  "spacing_z": 4.0,
  "summary_bg_k": 25.21258015765462,
  "summary_bg_mad": 13.993595367814034,
  "summary_bg_mean": 48.95402908325195,
  "summary_bg_median": 18.832183837890625,
  "summary_bg_n": 54474.0,
  "summary_bg_p05": 7.6781768798828125,
  "summary_bg_p95": 205.9369537353514,
  "summary_bg_stdv": 85.48139190673828,
  "summary_fg_k": 2.138056441237099,
  "summary_fg_mad": 91.79541951835253,
  "summary_fg_mean": 690.8778076171875,
  "summary_fg_median": 678.855712890625,
  "summary_fg_n": 28446.0,
  "summary_fg_p05": 556.1671447753906,
  "summary_fg_p95": 863.7313842773438,
  "summary_fg_stdv": 101.42300415039062,
  "tsnr": 69.53739071043674
}