{
  "aor": 0.000550959349593496,
  "aqi": 0.012559249447154473,
  "bids_meta": {
    "CogAtlasID": "https://www.cognitiveatlas.org/task/id/trm_4c8991fadfe01",
    "DeviceSerialNumber": "45031",
    "DwellTime": 4.9e-06,
    "EchoTime": 0.028,
    "EffectiveEchoSpacing": 0.000355001,
    "FlipAngle": 64,
    "InstitutionAddress": "Washington Rd, Princeton, NJ 08540, USA",
    "InstitutionName": "Princeton University",
    "InstitutionalDepartmentName": "Princeton Neuroscience Institute",
    "MagneticFieldStrength": 3,
    "Manufacturer": "Siemens",
    "ManufacturersModelName": "Skyra",
    "NumberOfVolumesDiscardedByScanner": 3,
    "ParallelReductionFactorInPlane": 2,
    "ParallelReductionType": "GRAPPA",
    "PartialFourier": 1,
    "PhaseEncodingDirection": "j-",
    "PixelBandwidth": 1595,
    "PulseSequenceDetails": "%SiemensSeq%_ep2d_bold",
    "PulseSequenceType": "Gradient Echo EPI",
    "ReceiveCoilActiveElements": "HE1-4",
    "ReceiveCoilName": "HeadNeck_20",
    "RepetitionTime": 1.5,
    "ScanOptions": "FS",
    "ScanningSequence": "EP",
    "SequenceName": "_epfid2d1_64",
    "SequenceVariant": "SK",
    "SliceTiming": [
      0,
      0.7675,
      0.055,
      0.8225,
      0.1075,
      0.875,
      0.1625,
      0.93,
      0.2175,
      0.985,
      0.2725,
      1.04,
      0.3275,
      1.095,
      0.3825,
      1.15,
      0.4375,
      1.205,
      0.4925,
      1.26,
      0.5475,
      1.315,
      0.6025,
      1.37,
      0.6575,
      1.425,
      0.7125
    ],
    "SoftwareVersions": "syngo_MR_D13",
    "StationName": "AWP45031",
    "TaskDescription": "Passively listened to audio story 'merlin'",
    "TaskName": "merlin",
    "TotalReadoutTime": 0.022365,
    "dataset": "ds002345",
    "modality": "bold",
    "subject_id": "149",
    "task_id": "merlin"
  },
  "dummy_trs": 0,
  "dvars_nstd": 24.434840093631927,
  "dvars_std": 1.197025924869708,
  "dvars_vstd": 0.9713458994951142,
  "efc": 0.6097571485446797,
  "fber": 1141.8726806640625,
  "fd_mean": 0.2046403556407363,
  "fd_num": 288,
  "fd_perc": 46.829268292682926,
  "fwhm_avg": 1.643835,
  "fwhm_x": 1.6134733333333333,
  "fwhm_y": 1.8104166666666668,
  "fwhm_z": 1.507615,
  "gcor": 0.0107347,
  "gsr_x": 0.008918803185224533,
  "gsr_y": 0.03230949863791466,
  "provenance": {
    "md5sum": "ad1ad49a45488b7fc199eb1092aa5c7e",
    "settings": {
      "fd_thres": 0.2,
      "testing": false
    },
    "software": "mriqc",
    "version": "22.0.0rc1",
    "webapi_port": null,
    "webapi_url": "https://mriqc.nimh.nih.gov/api/v1"
  },
  "size_t": 615,
  "size_x": 64,
  "size_y": 64,
  "size_z": 27,
  "snr": 6.758977699010665,
  "spacing_tr": 1.5,
  "spacing_x": 3.0,
  "spacing_y": 3.0,
  "spacing_z": 4.0,
  "summary_bg_k": 23.92242728289607,
  "summary_bg_mad": 14.659681606980524,
  "summary_bg_mean": 49.7655029296875,
  "summary_bg_median": 19.078048706054688,
  "summary_bg_n": 54553.0,
  "summary_bg_p05": 7.416259765625,
  "summary_bg_p95": 210.9684509277341,
  "summary_bg_stdv": 86.20016479492188,
  "summary_fg_k": 2.1667344041145,
  "summary_fg_mad": 89.47926076079882,
  "summary_fg_mean": 684.198974609375,
  "summary_fg_median": 671.712158203125,
  "summary_fg_n": 28387.0,
  "summary_fg_p05": 552.7640319824219,
  "summary_fg_p95": 853.5099060058593,
  "summary_fg_stdv": 99.37898254394531,
  "tsnr": 56.186734633520246
}