{
  "aor": 0.0009297666666666665,
  "aqi": 0.0054249628000000005,
  "bids_meta": {
    "CogAtlasID": "https://www.cognitiveatlas.org/task/id/trm_4c8991fadfe01",
    "DeviceSerialNumber": "45031",
    "DwellTime": 5.4e-06,
    "EchoTime": 0.028,
    "EffectiveEchoSpacing": 0.000390001,
    "FlipAngle": 64,
    "InstitutionAddress": "Washington Rd, Princeton, NJ 08540, USA",
    "InstitutionName": "Princeton University",
    "InstitutionalDepartmentName": "Princeton Neuroscience Institute",
    "MagneticFieldStrength": 3,
    "Manufacturer": "Siemens",
    "ManufacturersModelName": "Skyra",
    "NumberOfVolumesDiscardedByScanner": 3,
    "ParallelReductionFactorInPlane": 2,
    "ParallelReductionType": "GRAPPA",
    "PartialFourier": 1,
    "PhaseEncodingDirection": "j-",
    "PixelBandwidth": 1445,
    "PulseSequenceDetails": "%SiemensSeq%_ep2d_bold",
    "PulseSequenceType": "Gradient Echo EPI",
    "ReceiveCoilActiveElements": "HE1-4",
    "ReceiveCoilName": "HeadNeck_20",
    "RepetitionTime": 1.5,
    "ScanOptions": "FS",
    "ScanningSequence": "EP",
    "SequenceName": "_epfid2d1_64",
    "SequenceVariant": "SK",
    "SliceTiming": [
      0,
      0.7775,
      0.055,
      0.8325,
      0.11,
      0.89,
      0.1675,
      0.945,
      0.2225,
      1,
      0.2775,
      1.055,
      0.3325,
      1.11,
      0.39,
      1.1675,
      0.445,
      1.2225,
      0.5,
      1.2775,
      0.555,
      1.3325,
      0.61,
      1.3875,
      0.6675,
      1.445,
      0.7225
    ],
    "SoftwareVersions": "syngo_MR_D11",
    "StationName": "AWP45031",
    "TaskDescription": "Passively listened to audio story 'pieman'",
    "TaskName": "pieman",
    "TotalReadoutTime": 0.0245701,
    "dataset": "ds002345",
    "modality": "bold",
    "subject_id": "024",
    "task_id": "pieman"
  },
  "dummy_trs": 0,
  "dvars_nstd": 22.369870355050157,
  "dvars_std": 1.2514126722073575,
  "dvars_vstd": 0.9926386315719053,
  "efc": 0.5611702128703826,
  "fber": 2828.280029296875,
  "fd_mean": 0.1202455009558275,
  "fd_num": 24,
  "fd_perc": 8.0,
  "fwhm_avg": 1.7810577777777779,
  "fwhm_x": 1.7226666666666668,
  "fwhm_y": 1.9612266666666667,
  "fwhm_z": 1.65928,
  "gcor": 0.0618025,
  "gsr_x": -0.009867597371339798,
  "gsr_y": 0.02420610934495926,
  "provenance": {
    "md5sum": "c450325906c8ffe0e8171bd6defcb439",
    "settings": {
      "fd_thres": 0.2,
      "testing": false
    },
    "software": "mriqc",
    "version": "21.0.0rc2",
    "webapi_port": null,
    "webapi_url": "https://mriqc.nimh.nih.gov/api/v1"
  },
  "size_t": 300,
  "size_x": 64,
  "size_y": 64,
  "size_z": 27,
  "snr": 7.239987487661057,
  "spacing_tr": 1.5,
  "spacing_x": 3.0,
  "spacing_y": 3.0,
  "spacing_z": 4.0,
  "summary_bg_k": 22.49891492074783,
  "summary_bg_mad": 8.337166654492991,
  "summary_bg_mean": 31.58076286315918,
  "summary_bg_median": 13.313333511352539,
  "summary_bg_n": 57306.0,
  "summary_bg_p05": 5.986666679382324,
  "summary_bg_p95": 121.41666793823242,
  "summary_bg_stdv": 52.73221206665039,
  "summary_fg_k": 1.3987802594198833,
  "summary_fg_mad": 99.46782265551838,
  "summary_fg_mean": 754.2653198242188,
  "summary_fg_median": 747.4983520507812,
  "summary_fg_n": 24928.0,
  "summary_fg_p05": 602.6223449707031,
  "summary_fg_p95": 927.334341430664,
  "summary_fg_stdv": 103.24373626708984,
  "tsnr": 78.61735514737666
}