{
  "aor": 0.0004910082872928176,
  "aqi": 0.008464123453038673,
  "bids_meta": {
    "CogAtlasID": "https://www.cognitiveatlas.org/task/id/trm_4c8991fadfe01",
    "DeviceSerialNumber": "45031",
    "DwellTime": 4.9e-06,
    "EchoTime": 0.028,
    "EffectiveEchoSpacing": 0.000355001,
    "FlipAngle": 64,
    "InstitutionAddress": "Washington Rd, Princeton, NJ 08540, USA",
    "InstitutionName": "Princeton University",
    "InstitutionalDepartmentName": "Princeton Neuroscience Institute",
    "MagneticFieldStrength": 3,
    "Manufacturer": "Siemens",
    "ManufacturersModelName": "Skyra",
    "NumberOfVolumesDiscardedByScanner": 3,
    "ParallelReductionFactorInPlane": 2,
    "ParallelReductionType": "GRAPPA",
    "PartialFourier": 1,
    "PhaseEncodingDirection": "j-",
    "PixelBandwidth": 1595,
    "PulseSequenceDetails": "%SiemensSeq%_ep2d_bold",
    "PulseSequenceType": "Gradient Echo EPI",
    "ReceiveCoilActiveElements": "HE1-4",
    "ReceiveCoilName": "HeadNeck_20",
    "RepetitionTime": 1.5,
    "ScanOptions": "FS",
    "ScanningSequence": "EP",
    "SequenceName": "_epfid2d1_64",
    "SequenceVariant": "SK",
    "SliceTiming": [
      0,
      0.7675,
      0.055,
      0.8225,
      0.1075,
      0.875,
      0.1625,
      0.93,
      0.2175,
      0.985,
      0.2725,
      1.04,
      0.3275,
      1.095,
      0.3825,
      1.15,
      0.4375,
      1.205,
      0.4925,
      1.26,
      0.5475,
      1.315,
      0.6025,
      1.37,
      0.6575,
      1.425,
      0.7125
    ],
    "SoftwareVersions": "syngo_MR_D13",
    "StationName": "AWP45031",
    "TaskDescription": "Passively listened to audio story 'sherlock'",
    "TaskName": "sherlock",
    "TotalReadoutTime": 0.022365,
    "dataset": "ds002345",
    "modality": "bold",
    "subject_id": "159",
    "task_id": "sherlock"
  },
  "dummy_trs": 0,
  "dvars_nstd": 22.137025635103704,
  "dvars_std": 1.1371170065836802,
  "dvars_vstd": 1.006013297925311,
  "efc": 0.6323934692069111,
  "fber": 1293.117431640625,
  "fd_mean": 0.12881353624195535,
  "fd_num": 51,
  "fd_perc": 7.044198895027624,
  "fwhm_avg": 1.7197172222222221,
  "fwhm_x": 1.5726766666666665,
  "fwhm_y": 2.02909,
  "fwhm_z": 1.557385,
  "gcor": 0.00717366,
  "gsr_x": -0.021329570561647415,
  "gsr_y": 0.07662484049797058,
  "provenance": {
    "md5sum": "510453c5c93b59c9b51e55e0ec365fbf",
    "settings": {
      "fd_thres": 0.2,
      "testing": false
    },
    "software": "mriqc",
    "version": "22.0.0rc1",
    "webapi_port": null,
    "webapi_url": "https://mriqc.nimh.nih.gov/api/v1"
  },
  "size_t": 724,
  "size_x": 64,
  "size_y": 64,
  "size_z": 27,
  "snr": 7.649417727751706,
  "spacing_tr": 1.5,
  "spacing_x": 3.0,
  "spacing_y": 3.0,
  "spacing_z": 4.0,
  "summary_bg_k": 9.908862485033497,
  "summary_bg_mad": 11.38368207619268,
  "summary_bg_mean": 47.41752624511719,
  "summary_bg_median": 16.551105499267578,
  "summary_bg_n": 51668.0,
  "summary_bg_p05": 7.682320594787598,
  "summary_bg_p95": 207.72755737304658,
  "summary_bg_stdv": 72.10262298583984,
  "summary_fg_k": 3.610458671018735,
  "summary_fg_mad": 74.3533066266927,
  "summary_fg_mean": 647.1219482421875,
  "summary_fg_median": 642.1878662109375,
  "summary_fg_n": 30362.0,
  "summary_fg_p05": 533.3101989746094,
  "summary_fg_p95": 782.0661376953125,
  "summary_fg_stdv": 83.95113372802734,
  "tsnr": 68.91691511496902
}