{
  "aor": 0.005648000000000001,
  "aqi": 0.006119447451612903,
  "bids_meta": {
    "CogAtlasID": "https://www.cognitiveatlas.org/task/id/trm_4c8991fadfe01",
    "DeviceSerialNumber": "66018",
    "DwellTime": 4.2e-06,
    "EchoTime": 0.039,
    "EffectiveEchoSpacing": 0.000929976,
    "FlipAngle": 50,
    "InstitutionAddress": "Washington Rd, Princeton, NJ 08540, USA",
    "InstitutionName": "Princeton University",
    "InstitutionalDepartmentName": "Princeton Neuroscience Institute",
    "MagneticFieldStrength": 3,
    "Manufacturer": "Siemens",
    "ManufacturersModelName": "Prisma",
    "NumberOfVolumesDiscardedByScanner": 3,
    "ParallelReductionType": "GRAPPA",
    "PartialFourier": 0.75,
    "PhaseEncodingDirection": "j-",
    "PixelBandwidth": 1240,
    "PulseSequenceDetails": "%CustomerSeq%_ep2d_bold_sms_mgh_v22",
    "PulseSequenceType": "Gradient Echo EPI",
    "ReceiveCoilActiveElements": "HC1-7;NC1,2",
    "ReceiveCoilName": "HeadNeck_64",
    "RepetitionTime": 1.5,
    "ScanOptions": "PFP_FS",
    "ScanningSequence": "EP",
    "SequenceName": "epfSM2d1_96",
    "SequenceVariant": "SK",
    "SliceTiming": [
      0.6925,
      0,
      0.79,
      0.1,
      0.8875,
      0.1975,
      0.9875,
      0.2975,
      1.085,
      0.395,
      1.185,
      0.495,
      1.2825,
      0.5925,
      1.3825,
      0.6925,
      0,
      0.79,
      0.1,
      0.8875,
      0.1975,
      0.9875,
      0.2975,
      1.085,
      0.395,
      1.185,
      0.495,
      1.2825,
      0.5925,
      1.3825,
      0.6925,
      0,
      0.79,
      0.1,
      0.8875,
      0.1975,
      0.9875,
      0.2975,
      1.085,
      0.395,
      1.185,
      0.495,
      1.2825,
      0.5925,
      1.3825,
      0.6925,
      0,
      0.79,
      0.1,
      0.8875,
      0.1975,
      0.9875,
      0.2975,
      1.085,
      0.395,
      1.185,
      0.495,
      1.2825,
      0.5925,
      1.3825
    ],
    "SoftwareVersions": "syngo_MR_D13D",
    "StationName": "AWP66018",
    "TaskDescription": "Passively listened to audio story 'shapessocial'",
    "TaskName": "shapessocial",
    "TotalReadoutTime": 0.0883478,
    "dataset": "ds002345",
    "modality": "bold",
    "subject_id": "206",
    "task_id": "shapessocial"
  },
  "dummy_trs": 0,
  "dvars_nstd": 35.85082796728156,
  "dvars_std": 1.1965492430420712,
  "dvars_vstd": 1.0655780803883503,
  "efc": 0.5717153608651511,
  "fber": 297.4703674316406,
  "fd_mean": 0.12742686725571756,
  "fd_num": 41,
  "fd_perc": 13.225806451612904,
  "fwhm_avg": 2.9702266666666666,
  "fwhm_x": 2.763505,
  "fwhm_y": 3.18358,
  "fwhm_z": 2.963595,
  "gcor": 0.042294,
  "gsr_x": -0.011649501509964466,
  "gsr_y": 0.06052101030945778,
  "provenance": {
    "md5sum": "4106b3c47b2d88770d4355603e06349b",
    "settings": {
      "fd_thres": 0.2,
      "testing": false
    },
    "software": "mriqc",
    "version": "22.0.0rc1",
    "webapi_port": null,
    "webapi_url": "https://mriqc.nimh.nih.gov/api/v1"
  },
  "size_t": 310,
  "size_x": 96,
  "size_y": 96,
  "size_z": 60,
  "snr": 2.0316022762308314,
  "spacing_tr": 1.5,
  "spacing_x": 2.0,
  "spacing_y": 2.0,
  "spacing_z": 2.0,
  "summary_bg_k": 48.000573664427215,
  "summary_bg_mad": 7.116489517691163,
  "summary_bg_mean": 50.104270935058594,
  "summary_bg_median": 30.725805282592773,
  "summary_bg_n": 319919.0,
  "summary_bg_p05": 24.880643844604492,
  "summary_bg_p95": 143.939028930664,
  "summary_bg_stdv": 58.62904739379883,
  "summary_fg_k": 3.6861766710382042,
  "summary_fg_mad": 236.25977610031143,
  "summary_fg_mean": 600.4253540039062,
  "summary_fg_median": 549.6741943359375,
  "summary_fg_n": 144389.0,
  "summary_fg_p05": 273.73870849609375,
  "summary_fg_p95": 1093.4844970703127,
  "summary_fg_stdv": 270.56097412109375,
  "tsnr": 39.126687090843916
}