{
  "aor": 0.001786677419354839,
  "aqi": 0.010596097806451613,
  "bids_meta": {
    "CogAtlasID": "https://www.cognitiveatlas.org/task/id/trm_4c8991fadfe01",
    "DeviceSerialNumber": "66018",
    "DwellTime": 4.2e-06,
    "EchoTime": 0.039,
    "EffectiveEchoSpacing": 0.000929976,
    "FlipAngle": 50,
    "InstitutionAddress": "Washington Rd, Princeton, NJ 08540, USA",
    "InstitutionName": "Princeton University",
    "InstitutionalDepartmentName": "Princeton Neuroscience Institute",
    "MagneticFieldStrength": 3,
    "Manufacturer": "Siemens",
    "ManufacturersModelName": "Prisma",
    "NumberOfVolumesDiscardedByScanner": 3,
    "ParallelReductionType": "GRAPPA",
    "PartialFourier": 0.75,
    "PhaseEncodingDirection": "j-",
    "PixelBandwidth": 1240,
    "PulseSequenceDetails": "%CustomerSeq%_ep2d_bold_sms_mgh_v22",
    "PulseSequenceType": "Gradient Echo EPI",
    "ReceiveCoilActiveElements": "HC1-7;NC1,2",
    "ReceiveCoilName": "HeadNeck_64",
    "RepetitionTime": 1.5,
    "ScanOptions": "PFP_FS",
    "ScanningSequence": "EP",
    "SequenceName": "epfSM2d1_96",
    "SequenceVariant": "SK",
    "SliceTiming": [
      0.6925,
      0,
      0.79,
      0.1,
      0.8875,
      0.1975,
      0.9875,
      0.2975,
      1.085,
      0.395,
      1.185,
      0.495,
      1.2825,
      0.5925,
      1.3825,
      0.6925,
      0,
      0.79,
      0.1,
      0.8875,
      0.1975,
      0.9875,
      0.2975,
      1.085,
      0.395,
      1.185,
      0.495,
      1.2825,
      0.5925,
      1.3825,
      0.6925,
      0,
      0.79,
      0.1,
      0.8875,
      0.1975,
      0.9875,
      0.2975,
      1.085,
      0.395,
      1.185,
      0.495,
      1.2825,
      0.5925,
      1.3825,
      0.6925,
      0,
      0.79,
      0.1,
      0.8875,
      0.1975,
      0.9875,
      0.2975,
      1.085,
      0.395,
      1.185,
      0.495,
      1.2825,
      0.5925,
      1.3825
    ],
    "SoftwareVersions": "syngo_MR_D13D",
    "StationName": "AWP66018",
    "TaskDescription": "Passively listened to audio story 'shapesphysical'",
    "TaskName": "shapesphysical",
    "TotalReadoutTime": 0.0883478,
    "dataset": "ds002345",
    "modality": "bold",
    "subject_id": "206",
    "task_id": "shapesphysical"
  },
  "dummy_trs": 0,
  "dvars_nstd": 38.12934050809059,
  "dvars_std": 1.0708343622653722,
  "dvars_vstd": 0.9670183514886731,
  "efc": 0.5730184939703845,
  "fber": 285.50872802734375,
  "fd_mean": 0.17515876808581507,
  "fd_num": 80,
  "fd_perc": 25.806451612903224,
  "fwhm_avg": 2.9747500000000002,
  "fwhm_x": 2.754625,
  "fwhm_y": 3.19621,
  "fwhm_z": 2.973415,
  "gcor": 0.0272444,
  "gsr_x": -0.010825715027749538,
  "gsr_y": 0.05843464657664299,
  "provenance": {
    "md5sum": "ef5ef6d7a9420c40685b78f6bf74268b",
    "settings": {
      "fd_thres": 0.2,
      "testing": false
    },
    "software": "mriqc",
    "version": "22.0.0rc1",
    "webapi_port": null,
    "webapi_url": "https://mriqc.nimh.nih.gov/api/v1"
  },
  "size_t": 310,
  "size_x": 96,
  "size_y": 96,
  "size_z": 60,
  "snr": 2.0550013294707377,
  "spacing_tr": 1.5,
  "spacing_x": 2.0,
  "spacing_y": 2.0,
  "spacing_z": 2.0,
  "summary_bg_k": 43.99937165277216,
  "summary_bg_mad": 7.039968185841566,
  "summary_bg_mean": 50.27850341796875,
  "summary_bg_median": 31.2193546295166,
  "summary_bg_n": 320907.0,
  "summary_bg_p05": 25.29677391052246,
  "summary_bg_p95": 143.0258026123047,
  "summary_bg_stdv": 56.41059875488281,
  "summary_fg_k": 3.5059801280323004,
  "summary_fg_mad": 232.70875647091432,
  "summary_fg_mean": 594.9974975585938,
  "summary_fg_median": 545.987060546875,
  "summary_fg_n": 143298.0,
  "summary_fg_p05": 272.23870849609375,
  "summary_fg_p95": 1080.8301635742187,
  "summary_fg_stdv": 265.68603515625,
  "tsnr": 30.497871035709977
}