{
  "aor": 0.0022520181818181818,
  "aqi": 0.017304122727272726,
  "bids_meta": {
    "AcquisitionMatrixPE": 96,
    "BandwidthPerPixelPhaseEncode": 20.425,
    "BaseResolution": 96,
    "BodyPartExamined": "BRAIN",
    "ConsistencyInfo": "N4_VE11C_LATEST_20160120",
    "ConversionSoftware": "dcm2niix",
    "ConversionSoftwareVersion": "v1.0.20180328 GCC6.3.0",
    "DerivedVendorReportedEchoSpacing": 0.000509996,
    "DeviceSerialNumber": "66018",
    "DwellTime": 2.1e-06,
    "EchoTime": 0.031,
    "EchoTrainLength": 96,
    "EffectiveEchoSpacing": 0.000509996,
    "FlipAngle": 67,
    "ImageOrientationPatientDICOM": [
      1,
      0,
      0,
      0,
      1,
      0
    ],
    "ImageType": [
      "ORIGINAL",
      "PRIMARY",
      "M",
      "ND",
      "NORM",
      "MOSAIC"
    ],
    "InPlanePhaseEncodingDirectionDICOM": "COL",
    "InstitutionAddress": "Washington Rd, Princeton, NJ 08540, USA",
    "InstitutionName": "Princeton University",
    "InstitutionalDepartmentName": "Princeton Neuroscience Institute",
    "MRAcquisitionType": "2D",
    "MagneticFieldStrength": 3,
    "Manufacturer": "Siemens",
    "ManufacturersModelName": "Prisma",
    "Modality": "MR",
    "MultibandAccelerationFactor": 3,
    "NumberOfVolumesDiscardedByScanner": 3,
    "PartialFourier": 1,
    "PatientPosition": "HFS",
    "PercentPhaseFOV": 100,
    "PhaseEncodingDirection": "j-",
    "PhaseEncodingSteps": 96,
    "PhaseResolution": 1,
    "PixelBandwidth": 2480,
    "ProcedureStepDescription": "Hasson_Nastase_042518_Storyteller",
    "ProtocolName": "func_task-black",
    "PulseSequenceDetails": "%SiemensSeq%_ep2d_bold",
    "ReceiveCoilActiveElements": "HC1-7;NC1",
    "ReceiveCoilName": "HeadNeck_64",
    "ReconMatrixPE": 96,
    "RepetitionTime": 1.5,
    "SAR": 0.0458099,
    "ScanOptions": "FS",
    "ScanningSequence": "EP",
    "SequenceName": "_epfid2d1_96",
    "SequenceVariant": "SK",
    "SeriesDescription": "func_task-black",
    "SeriesNumber": 11,
    "ShimSetting": [
      761,
      528,
      2099,
      609,
      -58,
      114,
      68,
      30
    ],
    "SliceThickness": 2.5,
    "SliceTiming": [
      1.11,
      0,
      0.74,
      0.0925,
      0.8325,
      0.185,
      0.925,
      0.2775,
      1.0175,
      0.4625,
      1.2025,
      0.555,
      1.295,
      0.6475,
      1.3875,
      0.37,
      1.11,
      0,
      0.74,
      0.0925,
      0.8325,
      0.185,
      0.925,
      0.2775,
      1.0175,
      0.4625,
      1.2025,
      0.555,
      1.295,
      0.6475,
      1.3875,
      0.37,
      1.11,
      0,
      0.74,
      0.0925,
      0.8325,
      0.185,
      0.925,
      0.2775,
      1.0175,
      0.4625,
      1.2025,
      0.555,
      1.295,
      0.6475,
      1.3875,
      0.37
    ],
    "SoftwareVersions": "syngo_MR_E11",
    "SpacingBetweenSlices": 2.5,
    "StationName": "AWP66018",
    "TaskDescription": "Passively listened to audio story 'black'",
    "TaskName": "black",
    "TotalReadoutTime": 0.0484496,
    "TxRefAmp": 248.28,
    "dataset": "ds002345",
    "modality": "bold",
    "subject_id": "277",
    "task_id": "black"
  },
  "dummy_trs": 0,
  "dvars_nstd": 32.987094437941735,
  "dvars_std": 1.1871243752094718,
  "dvars_vstd": 0.9616146694717662,
  "efc": 0.5152463037526024,
  "fber": 3653.2373046875,
  "fd_mean": 0.18459853686092598,
  "fd_num": 151,
  "fd_perc": 27.454545454545453,
  "fwhm_avg": 1.966765333333333,
  "fwhm_x": 1.8945640000000001,
  "fwhm_y": 2.1768799999999997,
  "fwhm_z": 1.828852,
  "gcor": 0.0316591,
  "gsr_x": -0.01755402609705925,
  "gsr_y": 0.0427895113825798,
  "provenance": {
    "md5sum": "a64c2eef278649c44f4391cd0962a230",
    "settings": {
      "fd_thres": 0.2,
      "testing": false
    },
    "software": "mriqc",
    "version": "22.0.0rc1",
    "webapi_port": null,
    "webapi_url": "https://mriqc.nimh.nih.gov/api/v1"
  },
  "size_t": 550,
  "size_x": 96,
  "size_y": 96,
  "size_z": 48,
  "snr": 5.8347836967154,
  "spacing_tr": 1.5,
  "spacing_x": 2.5,
  "spacing_y": 2.5,
  "spacing_z": 2.5,
  "summary_bg_k": 15.12446533069862,
  "summary_bg_mad": 9.019612651053526,
  "summary_bg_mean": 46.38441467285156,
  "summary_bg_median": 13.279999732971191,
  "summary_bg_n": 292731.0,
  "summary_bg_p05": 5.216363906860352,
  "summary_bg_p95": 235.21363830566406,
  "summary_bg_stdv": 88.31887817382812,
  "summary_fg_k": 1.8788861019549765,
  "summary_fg_mad": 133.16734212507615,
  "summary_fg_mean": 812.9915771484375,
  "summary_fg_median": 809.158203125,
  "summary_fg_n": 84695.0,
  "summary_fg_p05": 613.6336608886719,
  "summary_fg_p95": 1035.0804077148437,
  "summary_fg_stdv": 138.6775360107422,
  "tsnr": 43.245861519360915
}