{
  "aor": 0.004149616055846422,
  "aqi": 0.011495863961605584,
  "bids_meta": {
    "AcquisitionMatrixPE": 96,
    "BandwidthPerPixelPhaseEncode": 20.425,
    "BaseResolution": 96,
    "BodyPartExamined": "BRAIN",
    "ConsistencyInfo": "N4_VE11C_LATEST_20160120",
    "ConversionSoftware": "dcm2niix",
    "ConversionSoftwareVersion": "v1.0.20180328 GCC6.3.0",
    "DerivedVendorReportedEchoSpacing": 0.000509996,
    "DeviceSerialNumber": "66018",
    "DwellTime": 2.1e-06,
    "EchoTime": 0.031,
    "EchoTrainLength": 96,
    "EffectiveEchoSpacing": 0.000509996,
    "FlipAngle": 67,
    "ImageOrientationPatientDICOM": [
      1,
      0,
      0,
      0,
      1,
      0
    ],
    "ImageType": [
      "ORIGINAL",
      "PRIMARY",
      "M",
      "ND",
      "NORM",
      "MOSAIC"
    ],
    "InPlanePhaseEncodingDirectionDICOM": "COL",
    "InstitutionAddress": "Washington Rd, Princeton, NJ 08540, USA",
    "InstitutionName": "Princeton University",
    "InstitutionalDepartmentName": "Princeton Neuroscience Institute",
    "MRAcquisitionType": "2D",
    "MagneticFieldStrength": 3,
    "Manufacturer": "Siemens",
    "ManufacturersModelName": "Prisma",
    "Modality": "MR",
    "MultibandAccelerationFactor": 3,
    "NumberOfVolumesDiscardedByScanner": 3,
    "PartialFourier": 1,
    "PatientPosition": "HFS",
    "PercentPhaseFOV": 100,
    "PhaseEncodingDirection": "j-",
    "PhaseEncodingSteps": 96,
    "PhaseResolution": 1,
    "PixelBandwidth": 2480,
    "ProcedureStepDescription": "Hasson_Nastase_042518_Storyteller",
    "ProtocolName": "func_task-forgot",
    "PulseSequenceDetails": "%SiemensSeq%_ep2d_bold",
    "ReceiveCoilActiveElements": "HC1-7;NC1",
    "ReceiveCoilName": "HeadNeck_64",
    "ReconMatrixPE": 96,
    "RepetitionTime": 1.5,
    "SAR": 0.0458125,
    "ScanOptions": "FS",
    "ScanningSequence": "EP",
    "SequenceName": "_epfid2d1_96",
    "SequenceVariant": "SK",
    "SeriesDescription": "func_task-forgot",
    "SeriesNumber": 10,
    "ShimSetting": [
      761,
      528,
      2099,
      609,
      -58,
      114,
      68,
      30
    ],
    "SliceThickness": 2.5,
    "SliceTiming": [
      1.11,
      0,
      0.74,
      0.0925,
      0.8325,
      0.185,
      0.925,
      0.2775,
      1.0175,
      0.4625,
      1.2025,
      0.555,
      1.295,
      0.6475,
      1.3875,
      0.37,
      1.11,
      0,
      0.74,
      0.0925,
      0.8325,
      0.185,
      0.925,
      0.2775,
      1.0175,
      0.4625,
      1.2025,
      0.555,
      1.295,
      0.6475,
      1.3875,
      0.37,
      1.11,
      0,
      0.74,
      0.0925,
      0.8325,
      0.185,
      0.925,
      0.2775,
      1.0175,
      0.4625,
      1.2025,
      0.555,
      1.295,
      0.6475,
      1.3875,
      0.37
    ],
    "SoftwareVersions": "syngo_MR_E11",
    "SpacingBetweenSlices": 2.5,
    "StationName": "AWP66018",
    "TaskDescription": "Passively listened to audio story 'forgot'",
    "TaskName": "forgot",
    "TotalReadoutTime": 0.0484496,
    "TxRefAmp": 248.28,
    "dataset": "ds002345",
    "modality": "bold",
    "subject_id": "277",
    "task_id": "forgot"
  },
  "dummy_trs": 1,
  "dvars_nstd": 35.54338378487764,
  "dvars_std": 1.3981990943007008,
  "dvars_vstd": 1.047935551783217,
  "efc": 0.5155930459064947,
  "fber": 3551.278076171875,
  "fd_mean": 0.16125274352503471,
  "fd_num": 101,
  "fd_perc": 17.62652705061082,
  "fwhm_avg": 1.973524,
  "fwhm_x": 1.86208,
  "fwhm_y": 2.140848,
  "fwhm_z": 1.917644,
  "gcor": 0.0466057,
  "gsr_x": -0.0183901097625494,
  "gsr_y": 0.04318585991859436,
  "provenance": {
    "md5sum": "e71ce7340d73a64c3e523110dcce03fe",
    "settings": {
      "fd_thres": 0.2,
      "testing": false
    },
    "software": "mriqc",
    "version": "22.0.0rc1",
    "webapi_port": null,
    "webapi_url": "https://mriqc.nimh.nih.gov/api/v1"
  },
  "size_t": 573,
  "size_x": 96,
  "size_y": 96,
  "size_z": 48,
  "snr": 5.798754365764995,
  "spacing_tr": 1.5,
  "spacing_x": 2.5,
  "spacing_y": 2.5,
  "spacing_z": 2.5,
  "summary_bg_k": 16.093597215557118,
  "summary_bg_mad": 9.094845902095383,
  "summary_bg_mean": 45.69907760620117,
  "summary_bg_median": 13.345549583435059,
  "summary_bg_n": 292390.0,
  "summary_bg_p05": 5.186736583709717,
  "summary_bg_p95": 229.9324623107909,
  "summary_bg_stdv": 87.0832748413086,
  "summary_fg_k": 1.6933492936886791,
  "summary_fg_mad": 136.21050443630867,
  "summary_fg_mean": 811.6803588867188,
  "summary_fg_median": 807.916259765625,
  "summary_fg_n": 85278.0,
  "summary_fg_p05": 610.3494720458984,
  "summary_fg_p95": 1034.4997558593745,
  "summary_fg_stdv": 139.32501220703125,
  "tsnr": 52.93653632653877
}