{
  "aor": 0.0008203571428571429,
  "aqi": 0.0028963231818181817,
  "bids_meta": {
    "CogAtlasID": "https://www.cognitiveatlas.org/task/id/trm_4c8991fadfe01",
    "DeviceSerialNumber": "66018",
    "DwellTime": 4.2e-06,
    "EchoTime": 0.039,
    "EffectiveEchoSpacing": 0.000929976,
    "FlipAngle": 50,
    "InstitutionAddress": "Washington Rd, Princeton, NJ 08540, USA",
    "InstitutionName": "Princeton University",
    "InstitutionalDepartmentName": "Princeton Neuroscience Institute",
    "MagneticFieldStrength": 3,
    "Manufacturer": "Siemens",
    "ManufacturersModelName": "Prisma",
    "NumberOfVolumesDiscardedByScanner": 3,
    "ParallelReductionType": "GRAPPA",
    "PartialFourier": 0.75,
    "PhaseEncodingDirection": "j-",
    "PixelBandwidth": 1240,
    "PulseSequenceDetails": "%CustomerSeq%_ep2d_bold_sms_mgh_v22",
    "PulseSequenceType": "Gradient Echo EPI",
    "ReceiveCoilActiveElements": "HC1-7;NC1,2",
    "ReceiveCoilName": "HeadNeck_64",
    "RepetitionTime": 1.5,
    "ScanOptions": "PFP_FS",
    "ScanningSequence": "EP",
    "SequenceName": "epfSM2d1_96",
    "SequenceVariant": "SK",
    "SliceTiming": [
      0.6925,
      0,
      0.79,
      0.1,
      0.8875,
      0.1975,
      0.9875,
      0.2975,
      1.085,
      0.395,
      1.185,
      0.495,
      1.2825,
      0.5925,
      1.3825,
      0.6925,
      0,
      0.79,
      0.1,
      0.8875,
      0.1975,
      0.9875,
      0.2975,
      1.085,
      0.395,
      1.185,
      0.495,
      1.2825,
      0.5925,
      1.3825,
      0.6925,
      0,
      0.79,
      0.1,
      0.8875,
      0.1975,
      0.9875,
      0.2975,
      1.085,
      0.395,
      1.185,
      0.495,
      1.2825,
      0.5925,
      1.3825,
      0.6925,
      0,
      0.79,
      0.1,
      0.8875,
      0.1975,
      0.9875,
      0.2975,
      1.085,
      0.395,
      1.185,
      0.495,
      1.2825,
      0.5925,
      1.3825
    ],
    "SoftwareVersions": "syngo_MR_D13D",
    "StationName": "AWP66018",
    "TaskDescription": "Passively listened to audio story 'shapesphysical'",
    "TaskName": "shapesphysical",
    "TotalReadoutTime": 0.0883478,
    "dataset": "ds002345",
    "modality": "bold",
    "subject_id": "212",
    "task_id": "shapesphysical"
  },
  "dummy_trs": 1,
  "dvars_nstd": 27.756591585765495,
  "dvars_std": 1.0428368214006514,
  "dvars_vstd": 1.0057121180130293,
  "efc": 0.5707274089892033,
  "fber": 371.10150146484375,
  "fd_mean": 0.0740348066662181,
  "fd_num": 1,
  "fd_perc": 0.3246753246753247,
  "fwhm_avg": 2.94383,
  "fwhm_x": 2.7014,
  "fwhm_y": 3.181985,
  "fwhm_z": 2.948105,
  "gcor": 0.00458247,
  "gsr_x": -0.0003835902607534081,
  "gsr_y": 0.05652308464050293,
  "provenance": {
    "md5sum": "b502d82492d265454aa0e7cd1d42b2bc",
    "settings": {
      "fd_thres": 0.2,
      "testing": false
    },
    "software": "mriqc",
    "version": "22.0.0rc1",
    "webapi_port": null,
    "webapi_url": "https://mriqc.nimh.nih.gov/api/v1"
  },
  "size_t": 308,
  "size_x": 96,
  "size_y": 96,
  "size_z": 60,
  "snr": 2.449528490868843,
  "spacing_tr": 1.5,
  "spacing_x": 2.0,
  "spacing_y": 2.0,
  "spacing_z": 2.0,
  "summary_bg_k": 64.349170683644,
  "summary_bg_mad": 6.763170790223159,
  "summary_bg_mean": 39.837486267089844,
  "summary_bg_median": 24.590909957885742,
  "summary_bg_n": 327736.0,
  "summary_bg_p05": 18.71103858947754,
  "summary_bg_p95": 107.84415817260742,
  "summary_bg_stdv": 48.90604782104492,
  "summary_fg_k": 1.8558467973155608,
  "summary_fg_mad": 183.9221034453595,
  "summary_fg_mean": 521.9671630859375,
  "summary_fg_median": 492.16070556640625,
  "summary_fg_n": 138088.0,
  "summary_fg_p05": 263.2003341674805,
  "summary_fg_p95": 891.3459350585936,
  "summary_fg_stdv": 200.91986083984375,
  "tsnr": 47.721918877447024
}