{
  "aor": 0.0018691245791245788,
  "aqi": 0.01114761212121212,
  "bids_meta": {
    "CogAtlasID": "https://www.cognitiveatlas.org/task/id/trm_4c8991fadfe01",
    "DeviceSerialNumber": "45031",
    "DwellTime": 5.4e-06,
    "EchoTime": 0.028,
    "EffectiveEchoSpacing": 0.000390001,
    "FlipAngle": 64,
    "InstitutionAddress": "Washington Rd, Princeton, NJ 08540, USA",
    "InstitutionName": "Princeton University",
    "InstitutionalDepartmentName": "Princeton Neuroscience Institute",
    "MagneticFieldStrength": 3,
    "Manufacturer": "Siemens",
    "ManufacturersModelName": "Skyra",
    "NumberOfVolumesDiscardedByScanner": 3,
    "ParallelReductionFactorInPlane": 2,
    "ParallelReductionType": "GRAPPA",
    "PartialFourier": 1,
    "PhaseEncodingDirection": "j-",
    "PixelBandwidth": 1445,
    "PulseSequenceDetails": "%SiemensSeq%_ep2d_bold",
    "PulseSequenceType": "Gradient Echo EPI",
    "ReceiveCoilActiveElements": "HE1-4",
    "ReceiveCoilName": "HeadNeck_20",
    "RepetitionTime": 1.52,
    "ScanOptions": "FS",
    "ScanningSequence": "EP",
    "SequenceName": "_epfid2d1_64",
    "SequenceVariant": "SK",
    "SliceTiming": [
      0,
      0.7775,
      0.0575,
      0.835,
      0.1125,
      0.89,
      0.1675,
      0.945,
      0.2225,
      1,
      0.2775,
      1.055,
      0.335,
      1.1125,
      0.39,
      1.1675,
      0.445,
      1.2225,
      0.5,
      1.2775,
      0.5575,
      1.335,
      0.6125,
      1.39,
      0.6675,
      1.445,
      0.7225
    ],
    "SoftwareVersions": "syngo_MR_E11",
    "StationName": "AWP45031",
    "TaskDescription": "Passively listened to audio story 'milkyway'",
    "TaskName": "milkyway",
    "TotalReadoutTime": 0.0245701,
    "dataset": "ds002345",
    "modality": "bold",
    "subject_id": "130",
    "task_id": "milkyway"
  },
  "dummy_trs": 0,
  "dvars_nstd": 20.888901085540542,
  "dvars_std": 1.1455515187162155,
  "dvars_vstd": 1.0086782905743243,
  "efc": 0.5708632753730503,
  "fber": 2223.081298828125,
  "fd_mean": 0.17449377740916758,
  "fd_num": 111,
  "fd_perc": 37.37373737373738,
  "fwhm_avg": 1.6746633333333332,
  "fwhm_x": 1.64851,
  "fwhm_y": 1.87594,
  "fwhm_z": 1.49954,
  "gcor": 0.0121402,
  "gsr_x": -0.012622545473277569,
  "gsr_y": 0.0425533689558506,
  "provenance": {
    "md5sum": "61bc3192d0c4e5687798ee0f80151d08",
    "settings": {
      "fd_thres": 0.2,
      "testing": false
    },
    "software": "mriqc",
    "version": "22.0.0rc1",
    "webapi_port": null,
    "webapi_url": "https://mriqc.nimh.nih.gov/api/v1"
  },
  "size_t": 297,
  "size_x": 64,
  "size_y": 64,
  "size_z": 27,
  "snr": 8.013523126411211,
  "spacing_tr": 1.5199999809265137,
  "spacing_x": 3.0,
  "spacing_y": 3.0,
  "spacing_z": 4.0,
  "summary_bg_k": 30.353459398835795,
  "summary_bg_mad": 10.922334231233236,
  "summary_bg_mean": 39.371822357177734,
  "summary_bg_median": 15.518518447875977,
  "summary_bg_n": 57323.0,
  "summary_bg_p05": 6.407407283782959,
  "summary_bg_p95": 154.56127166748,
  "summary_bg_stdv": 67.43158721923828,
  "summary_fg_k": 2.9539174266893298,
  "summary_fg_mad": 86.13069180360336,
  "summary_fg_mean": 769.7515258789062,
  "summary_fg_median": 765.366943359375,
  "summary_fg_n": 25072.0,
  "summary_fg_p05": 635.63212890625,
  "summary_fg_p95": 926.4658020019531,
  "summary_fg_stdv": 95.50751495361328,
  "tsnr": 71.01975348964334
}