{
  "aor": 0.0006252909090909091,
  "aqi": 0.007972795545454546,
  "bids_meta": {
    "AcquisitionMatrixPE": 96,
    "BandwidthPerPixelPhaseEncode": 20.425,
    "BaseResolution": 96,
    "BodyPartExamined": "BRAIN",
    "ConsistencyInfo": "N4_VE11C_LATEST_20160120",
    "ConversionSoftware": "dcm2niix",
    "ConversionSoftwareVersion": "v1.0.20180328 GCC6.3.0",
    "DerivedVendorReportedEchoSpacing": 0.000509996,
    "DeviceSerialNumber": "66018",
    "DwellTime": 2.1e-06,
    "EchoTime": 0.031,
    "EchoTrainLength": 96,
    "EffectiveEchoSpacing": 0.000509996,
    "FlipAngle": 67,
    "ImageOrientationPatientDICOM": [
      1,
      0,
      0,
      0,
      1,
      0
    ],
    "ImageType": [
      "ORIGINAL",
      "PRIMARY",
      "M",
      "ND",
      "NORM",
      "MOSAIC"
    ],
    "InPlanePhaseEncodingDirectionDICOM": "COL",
    "InstitutionAddress": "Washington Rd, Princeton, NJ 08540, USA",
    "InstitutionName": "Princeton University",
    "InstitutionalDepartmentName": "Princeton Neuroscience Institute",
    "MRAcquisitionType": "2D",
    "MagneticFieldStrength": 3,
    "Manufacturer": "Siemens",
    "ManufacturersModelName": "Prisma",
    "Modality": "MR",
    "MultibandAccelerationFactor": 3,
    "NumberOfVolumesDiscardedByScanner": 3,
    "PartialFourier": 1,
    "PatientPosition": "HFS",
    "PercentPhaseFOV": 100,
    "PhaseEncodingDirection": "j-",
    "PhaseEncodingSteps": 96,
    "PhaseResolution": 1,
    "PixelBandwidth": 2480,
    "ProcedureStepDescription": "Hasson_Nastase_042518_Storyteller",
    "ProtocolName": "func_task-black",
    "PulseSequenceDetails": "%SiemensSeq%_ep2d_bold",
    "ReceiveCoilActiveElements": "HC1-7;NC1",
    "ReceiveCoilName": "HeadNeck_64",
    "ReconMatrixPE": 96,
    "RepetitionTime": 1.5,
    "SAR": 0.0357434,
    "ScanOptions": "FS",
    "ScanningSequence": "EP",
    "SequenceName": "_epfid2d1_96",
    "SequenceVariant": "SK",
    "SeriesDescription": "func_task-black",
    "SeriesNumber": 12,
    "ShimSetting": [
      775,
      544,
      2136,
      621,
      -68,
      157,
      219,
      10
    ],
    "SliceThickness": 2.5,
    "SliceTiming": [
      1.11,
      0,
      0.74,
      0.0925,
      0.8325,
      0.185,
      0.925,
      0.2775,
      1.0175,
      0.4625,
      1.2025,
      0.555,
      1.295,
      0.6475,
      1.3875,
      0.37,
      1.11,
      0,
      0.74,
      0.0925,
      0.8325,
      0.185,
      0.925,
      0.2775,
      1.0175,
      0.4625,
      1.2025,
      0.555,
      1.295,
      0.6475,
      1.3875,
      0.37,
      1.11,
      0,
      0.74,
      0.0925,
      0.8325,
      0.185,
      0.925,
      0.2775,
      1.0175,
      0.4625,
      1.2025,
      0.555,
      1.295,
      0.6475,
      1.3875,
      0.37
    ],
    "SoftwareVersions": "syngo_MR_E11",
    "SpacingBetweenSlices": 2.5,
    "StationName": "AWP66018",
    "TaskDescription": "Passively listened to audio story 'black'",
    "TaskName": "black",
    "TotalReadoutTime": 0.0484496,
    "TxRefAmp": 222.756,
    "dataset": "ds002345",
    "modality": "bold",
    "subject_id": "283",
    "task_id": "black"
  },
  "dummy_trs": 0,
  "dvars_nstd": 30.39331926373407,
  "dvars_std": 1.32253521837887,
  "dvars_vstd": 1.0042244425136608,
  "efc": 0.4612350295272295,
  "fber": 4010.2685546875,
  "fd_mean": 0.11925995194241663,
  "fd_num": 17,
  "fd_perc": 3.090909090909091,
  "fwhm_avg": 1.9427946666666667,
  "fwhm_x": 1.835576,
  "fwhm_y": 2.099508,
  "fwhm_z": 1.8933,
  "gcor": 0.0136755,
  "gsr_x": -0.014133590273559093,
  "gsr_y": 0.031448911875486374,
  "provenance": {
    "md5sum": "38847e719de2a5c3b8806287040c012b",
    "settings": {
      "fd_thres": 0.2,
      "testing": false
    },
    "software": "mriqc",
    "version": "22.0.0rc1",
    "webapi_port": null,
    "webapi_url": "https://mriqc.nimh.nih.gov/api/v1"
  },
  "size_t": 550,
  "size_x": 96,
  "size_y": 96,
  "size_z": 48,
  "snr": 5.7425733087576445,
  "spacing_tr": 1.5,
  "spacing_x": 2.5,
  "spacing_y": 2.5,
  "spacing_z": 2.5,
  "summary_bg_k": 45.23015930852543,
  "summary_bg_mad": 6.458754594980137,
  "summary_bg_mean": 25.615093231201172,
  "summary_bg_median": 10.785454750061035,
  "summary_bg_n": 309305.0,
  "summary_bg_p05": 4.659999847412109,
  "summary_bg_p95": 97.89054412841794,
  "summary_bg_stdv": 52.15384292602539,
  "summary_fg_k": 3.3286592324413293,
  "summary_fg_mad": 107.24062539970522,
  "summary_fg_mean": 693.159912109375,
  "summary_fg_median": 688.8200073242188,
  "summary_fg_n": 71799.0,
  "summary_fg_p05": 532.2247497558594,
  "summary_fg_p95": 880.0300231933593,
  "summary_fg_stdv": 119.9488754272461,
  "tsnr": 62.11719240248203
}