{
  "aor": 0.004895627177700349,
  "aqi": 0.026422202787456446,
  "bids_meta": {
    "AcquisitionMatrixPE": 96,
    "BandwidthPerPixelPhaseEncode": 20.425,
    "BaseResolution": 96,
    "BodyPartExamined": "BRAIN",
    "ConsistencyInfo": "N4_VE11C_LATEST_20160120",
    "ConversionSoftware": "dcm2niix",
    "ConversionSoftwareVersion": "v1.0.20180328 GCC6.3.0",
    "DerivedVendorReportedEchoSpacing": 0.000509996,
    "DeviceSerialNumber": "66018",
    "DwellTime": 2.1e-06,
    "EchoTime": 0.031,
    "EchoTrainLength": 96,
    "EffectiveEchoSpacing": 0.000509996,
    "FlipAngle": 67,
    "ImageOrientationPatientDICOM": [
      1,
      0,
      0,
      0,
      1,
      0
    ],
    "ImageType": [
      "ORIGINAL",
      "PRIMARY",
      "M",
      "ND",
      "NORM",
      "MOSAIC"
    ],
    "InPlanePhaseEncodingDirectionDICOM": "COL",
    "InstitutionAddress": "Washington Rd, Princeton, NJ 08540, USA",
    "InstitutionName": "Princeton University",
    "InstitutionalDepartmentName": "Princeton Neuroscience Institute",
    "MRAcquisitionType": "2D",
    "MagneticFieldStrength": 3,
    "Manufacturer": "Siemens",
    "ManufacturersModelName": "Prisma",
    "Modality": "MR",
    "MultibandAccelerationFactor": 3,
    "NumberOfVolumesDiscardedByScanner": 3,
    "PartialFourier": 1,
    "PatientPosition": "HFS",
    "PercentPhaseFOV": 100,
    "PhaseEncodingDirection": "j-",
    "PhaseEncodingSteps": 96,
    "PhaseResolution": 1,
    "PixelBandwidth": 2480,
    "ProcedureStepDescription": "Hasson_Nastase_042518_Storyteller",
    "ProtocolName": "func_task-forgot",
    "PulseSequenceDetails": "%SiemensSeq%_ep2d_bold",
    "ReceiveCoilActiveElements": "HC1-7;NC1",
    "ReceiveCoilName": "HeadNeck_64",
    "ReconMatrixPE": 96,
    "RepetitionTime": 1.5,
    "SAR": 0.0357454,
    "ScanOptions": "FS",
    "ScanningSequence": "EP",
    "SequenceName": "_epfid2d1_96",
    "SequenceVariant": "SK",
    "SeriesDescription": "func_task-forgot",
    "SeriesNumber": 11,
    "ShimSetting": [
      775,
      544,
      2136,
      621,
      -68,
      157,
      219,
      10
    ],
    "SliceThickness": 2.5,
    "SliceTiming": [
      1.11,
      0,
      0.74,
      0.0925,
      0.8325,
      0.185,
      0.925,
      0.2775,
      1.0175,
      0.4625,
      1.2025,
      0.555,
      1.295,
      0.6475,
      1.3875,
      0.37,
      1.11,
      0,
      0.74,
      0.0925,
      0.8325,
      0.185,
      0.925,
      0.2775,
      1.0175,
      0.4625,
      1.2025,
      0.555,
      1.295,
      0.6475,
      1.3875,
      0.37,
      1.11,
      0,
      0.74,
      0.0925,
      0.8325,
      0.185,
      0.925,
      0.2775,
      1.0175,
      0.4625,
      1.2025,
      0.555,
      1.295,
      0.6475,
      1.3875,
      0.37
    ],
    "SoftwareVersions": "syngo_MR_E11",
    "SpacingBetweenSlices": 2.5,
    "StationName": "AWP66018",
    "TaskDescription": "Passively listened to audio story 'forgot'",
    "TaskName": "forgot",
    "TotalReadoutTime": 0.0484496,
    "TxRefAmp": 222.756,
    "dataset": "ds002345",
    "modality": "bold",
    "subject_id": "283",
    "task_id": "forgot"
  },
  "dummy_trs": 0,
  "dvars_nstd": 31.692503927417096,
  "dvars_std": 1.1169896443979062,
  "dvars_vstd": 0.9478892118848176,
  "efc": 0.4662914788717255,
  "fber": 3917.40283203125,
  "fd_mean": 0.22046683790031327,
  "fd_num": 162,
  "fd_perc": 28.222996515679444,
  "fwhm_avg": 2.00192,
  "fwhm_x": 1.895732,
  "fwhm_y": 2.1669080000000003,
  "fwhm_z": 1.94312,
  "gcor": 0.0213383,
  "gsr_x": -0.017294995486736298,
  "gsr_y": 0.02963060885667801,
  "provenance": {
    "md5sum": "b688056ec66cf8c154761dd47a1cf554",
    "settings": {
      "fd_thres": 0.2,
      "testing": false
    },
    "software": "mriqc",
    "version": "22.0.0rc1",
    "webapi_port": null,
    "webapi_url": "https://mriqc.nimh.nih.gov/api/v1"
  },
  "size_t": 574,
  "size_x": 96,
  "size_y": 96,
  "size_z": 48,
  "snr": 5.822266684121133,
  "spacing_tr": 1.5,
  "spacing_x": 2.5,
  "spacing_y": 2.5,
  "spacing_z": 2.5,
  "summary_bg_k": 44.36092929855678,
  "summary_bg_mad": 6.831851937573384,
  "summary_bg_mean": 26.392805099487305,
  "summary_bg_median": 11.010453224182129,
  "summary_bg_n": 307404.0,
  "summary_bg_p05": 4.594076633453369,
  "summary_bg_p95": 101.38126983642574,
  "summary_bg_stdv": 51.908287048339844,
  "summary_fg_k": 2.9610898401040746,
  "summary_fg_mad": 107.21745974004108,
  "summary_fg_mean": 691.3299560546875,
  "summary_fg_median": 687.1602783203125,
  "summary_fg_n": 73083.0,
  "summary_fg_p05": 531.9880004882813,
  "summary_fg_p95": 876.9843139648438,
  "summary_fg_stdv": 118.02200317382812,
  "tsnr": 35.67094555112999
}