{
  "aor": 0.00019694635488308115,
  "aqi": 0.005222006341127923,
  "bids_meta": {
    "CogAtlasID": "https://www.cognitiveatlas.org/task/id/trm_4c8991fadfe01",
    "DeviceSerialNumber": "45031",
    "DwellTime": 4.9e-06,
    "EchoTime": 0.028,
    "EffectiveEchoSpacing": 0.000355001,
    "FlipAngle": 64,
    "InstitutionAddress": "Washington Rd, Princeton, NJ 08540, USA",
    "InstitutionName": "Princeton University",
    "InstitutionalDepartmentName": "Princeton Neuroscience Institute",
    "MagneticFieldStrength": 3,
    "Manufacturer": "Siemens",
    "ManufacturersModelName": "Skyra",
    "NumberOfVolumesDiscardedByScanner": 3,
    "ParallelReductionFactorInPlane": 2,
    "ParallelReductionType": "GRAPPA",
    "PartialFourier": 1,
    "PhaseEncodingDirection": "j-",
    "PixelBandwidth": 1595,
    "PulseSequenceDetails": "%SiemensSeq%_ep2d_bold",
    "PulseSequenceType": "Gradient Echo EPI",
    "ReceiveCoilActiveElements": "HE1-4",
    "ReceiveCoilName": "HeadNeck_20",
    "RepetitionTime": 1.5,
    "ScanOptions": "FS",
    "ScanningSequence": "EP",
    "SequenceName": "_epfid2d1_64",
    "SequenceVariant": "SK",
    "SliceTiming": [
      0,
      0.7675,
      0.055,
      0.8225,
      0.1075,
      0.875,
      0.1625,
      0.93,
      0.2175,
      0.985,
      0.2725,
      1.04,
      0.3275,
      1.095,
      0.3825,
      1.15,
      0.4375,
      1.205,
      0.4925,
      1.26,
      0.5475,
      1.315,
      0.6025,
      1.37,
      0.6575,
      1.425,
      0.7125
    ],
    "SoftwareVersions": "syngo_MR_D13",
    "StationName": "AWP45031",
    "TaskDescription": "Passively listened to audio story 'sherlock'",
    "TaskName": "sherlock",
    "TotalReadoutTime": 0.022365,
    "dataset": "ds002345",
    "modality": "bold",
    "subject_id": "166",
    "task_id": "sherlock"
  },
  "dummy_trs": 0,
  "dvars_nstd": 25.964786114504157,
  "dvars_std": 1.373460589187328,
  "dvars_vstd": 0.996454808044077,
  "efc": 0.5879360317721194,
  "fber": 1531.661376953125,
  "fd_mean": 0.14787767973458668,
  "fd_num": 153,
  "fd_perc": 21.045392022008254,
  "fwhm_avg": 1.8442794444444448,
  "fwhm_x": 1.7759466666666668,
  "fwhm_y": 2.1346266666666667,
  "fwhm_z": 1.622265,
  "gcor": 0.0197253,
  "gsr_x": -0.011503630317747593,
  "gsr_y": 0.0486454963684082,
  "provenance": {
    "md5sum": "9b69ff47cdb7157fe81a9f3a6ac1690d",
    "settings": {
      "fd_thres": 0.2,
      "testing": false
    },
    "software": "mriqc",
    "version": "22.0.0rc1",
    "webapi_port": null,
    "webapi_url": "https://mriqc.nimh.nih.gov/api/v1"
  },
  "size_t": 727,
  "size_x": 64,
  "size_y": 64,
  "size_z": 27,
  "snr": 6.239293430476945,
  "spacing_tr": 1.5,
  "spacing_x": 3.0,
  "spacing_y": 3.0,
  "spacing_z": 4.0,
  "summary_bg_k": 14.900771718262305,
  "summary_bg_mad": 13.54327609618103,
  "summary_bg_mean": 46.108577728271484,
  "summary_bg_median": 18.14580535888672,
  "summary_bg_n": 55593.0,
  "summary_bg_p05": 7.3301239013671875,
  "summary_bg_p95": 185.97963867187477,
  "summary_bg_stdv": 73.28958129882812,
  "summary_fg_k": 3.1146446523803144,
  "summary_fg_mad": 102.09766797254778,
  "summary_fg_mean": 772.9512939453125,
  "summary_fg_median": 758.281982421875,
  "summary_fg_n": 26200.0,
  "summary_fg_p05": 621.1036926269531,
  "summary_fg_p95": 985.8309478759766,
  "summary_fg_stdv": 121.53099060058594,
  "tsnr": 81.35052064259071
}