{
  "aor": 0.0019911688311688314,
  "aqi": 0.010758321672077922,
  "bids_meta": {
    "CogAtlasID": "https://www.cognitiveatlas.org/task/id/trm_4c8991fadfe01",
    "DeviceSerialNumber": "45031",
    "DwellTime": 4.9e-06,
    "EchoTime": 0.028,
    "EffectiveEchoSpacing": 0.000355001,
    "FlipAngle": 64,
    "InstitutionAddress": "Washington Rd, Princeton, NJ 08540, USA",
    "InstitutionName": "Princeton University",
    "InstitutionalDepartmentName": "Princeton Neuroscience Institute",
    "MagneticFieldStrength": 3,
    "Manufacturer": "Siemens",
    "ManufacturersModelName": "Skyra",
    "NumberOfVolumesDiscardedByScanner": 3,
    "ParallelReductionFactorInPlane": 2,
    "ParallelReductionType": "GRAPPA",
    "PartialFourier": 1,
    "PhaseEncodingDirection": "j-",
    "PixelBandwidth": 1595,
    "PulseSequenceDetails": "%SiemensSeq%_ep2d_bold",
    "PulseSequenceType": "Gradient Echo EPI",
    "ReceiveCoilActiveElements": "HE1-4",
    "ReceiveCoilName": "HeadNeck_20",
    "RepetitionTime": 1.5,
    "ScanOptions": "FS",
    "ScanningSequence": "EP",
    "SequenceName": "_epfid2d1_64",
    "SequenceVariant": "SK",
    "SliceTiming": [
      0,
      0.7675,
      0.055,
      0.8225,
      0.1075,
      0.875,
      0.1625,
      0.93,
      0.2175,
      0.985,
      0.2725,
      1.04,
      0.3275,
      1.095,
      0.3825,
      1.15,
      0.4375,
      1.205,
      0.4925,
      1.26,
      0.5475,
      1.315,
      0.6025,
      1.37,
      0.6575,
      1.425,
      0.7125
    ],
    "SoftwareVersions": "syngo_MR_D13",
    "StationName": "AWP45031",
    "TaskDescription": "Passively listened to audio story 'merlin'",
    "TaskName": "merlin",
    "TotalReadoutTime": 0.022365,
    "dataset": "ds002345",
    "modality": "bold",
    "subject_id": "166",
    "task_id": "merlin"
  },
  "dummy_trs": 0,
  "dvars_nstd": 25.29273822134959,
  "dvars_std": 1.3368152406341451,
  "dvars_vstd": 0.9848114594634141,
  "efc": 0.5863922267633144,
  "fber": 1599.9306640625,
  "fd_mean": 0.14611725759585362,
  "fd_num": 110,
  "fd_perc": 17.857142857142858,
  "fwhm_avg": 1.8718477777777778,
  "fwhm_x": 1.81063,
  "fwhm_y": 2.1907533333333333,
  "fwhm_z": 1.61416,
  "gcor": 0.0121113,
  "gsr_x": -0.011563179083168507,
  "gsr_y": 0.048945434391498566,
  "provenance": {
    "md5sum": "776bc7a1c6b95ed093f0f3351266a0d8",
    "settings": {
      "fd_thres": 0.2,
      "testing": false
    },
    "software": "mriqc",
    "version": "22.0.0rc1",
    "webapi_port": null,
    "webapi_url": "https://mriqc.nimh.nih.gov/api/v1"
  },
  "size_t": 616,
  "size_x": 64,
  "size_y": 64,
  "size_z": 27,
  "snr": 6.1737936321118365,
  "spacing_tr": 1.5,
  "spacing_x": 3.0,
  "spacing_y": 3.0,
  "spacing_z": 4.0,
  "summary_bg_k": 15.311503275655458,
  "summary_bg_mad": 13.959565149503684,
  "summary_bg_mean": 45.14971923828125,
  "summary_bg_median": 17.824674606323242,
  "summary_bg_n": 55591.0,
  "summary_bg_p05": 6.64366888999939,
  "summary_bg_p95": 180.86931610107422,
  "summary_bg_stdv": 72.07559204101562,
  "summary_fg_k": 3.1792382938353203,
  "summary_fg_mad": 103.33449702055404,
  "summary_fg_mean": 775.5044555664062,
  "summary_fg_median": 760.4935302734375,
  "summary_fg_n": 26168.0,
  "summary_fg_p05": 622.2668151855469,
  "summary_fg_p95": 995.2716705322264,
  "summary_fg_stdv": 123.17855834960938,
  "tsnr": 61.68117916211486
}