{
  "bids_meta": {
    "DeviceSerialNumber": "66018",
    "DwellTime": 9.8e-06,
    "EchoTime": 0.00267,
    "FlipAngle": 7,
    "InstitutionAddress": "Washington Rd, Building 25, Princeton, NJ 08540, USA",
    "InstitutionName": "Princeton University",
    "InstitutionalDepartmentName": "Princeton Neuroscience Institute",
    "InversionTime": 1.2,
    "MagneticFieldStrength": 3,
    "Manufacturer": "Siemens",
    "ManufacturersModelName": "Prisma",
    "ParallelReductionFactorInPlane": 2,
    "ParellelReductionType": "TODO",
    "PartialFourier": 1,
    "PixelBandwidth": 200,
    "PulseSequenceDetails": "%SiemensSeq%_tfl",
    "PulseSequenceType": "MPRAGE",
    "ReceiveCoilActiveElements": "HC1-7;NC1",
    "ReceiveCoilName": "HeadNeck_64",
    "RepetitionTime": 2.53,
    "ScanOptions": "IR",
    "ScanningSequence": "GR_IR",
    "SequenceName": "_tfl3d1_16",
    "SequenceVariant": "SK_SP_MP",
    "SoftwareVersions": "syngo_MR_D13D",
    "StationName": "AWP66018",
    "dataset": "ds002345",
    "modality": "T1w",
    "subject_id": "234"
  },
  "cjv": 0.4732829037228424,
  "cnr": 2.6630243648390235,
  "efc": 0.5909892648276831,
  "fber": 359.5218701542799,
  "fwhm_avg": 3.6678633333333335,
  "fwhm_x": 3.57388,
  "fwhm_y": 3.63913,
  "fwhm_z": 3.79058,
  "icvs_csf": 0.18326653044540805,
  "icvs_gm": 0.4281264259514683,
  "icvs_wm": 0.38860704360312365,
  "inu_med": 1.1396288871765137,
  "inu_range": 0.4948365330696105,
  "provenance": {
    "md5sum": "7922dbbb16f60187cafd1a8c3c123386",
    "settings": {
      "testing": false
    },
    "software": "mriqc",
    "version": "22.0.0rc1",
    "warnings": {
      "large_rot_frame": true,
      "small_air_mask": false
    },
    "webapi_port": null,
    "webapi_url": "https://mriqc.nimh.nih.gov/api/v1"
  },
  "qi_1": 0.0,
  "qi_2": 0.002732246414470519,
  "rpve_csf": 27.133570146379867,
  "rpve_gm": 12.585295215809841,
  "rpve_wm": 16.88448761672218,
  "size_x": 176,
  "size_y": 256,
  "size_z": 256,
  "snr_csf": 1.784611927425986,
  "snr_gm": 10.267883582488363,
  "snr_total": 9.934274491046187,
  "snr_wm": 17.750327963224212,
  "snrd_csf": 13.4934075290766,
  "snrd_gm": 20.360453835680246,
  "snrd_total": 20.366721676412816,
  "snrd_wm": 27.246303664481598,
  "spacing_x": 1.0,
  "spacing_y": 1.0,
  "spacing_z": 1.0,
  "summary_bg_k": 0.9422705545221244,
  "summary_bg_mad": 24.044963098719375,
  "summary_bg_mean": 40.846324683333734,
  "summary_bg_median": 38.71635543555021,
  "summary_bg_n": 3626449.0,
  "summary_bg_p05": 7.798481576144695,
  "summary_bg_p95": 81.50448443740606,
  "summary_bg_stdv": 23.154475862491235,
  "summary_csf_k": 18.033026418794748,
  "summary_csf_mad": 116.64365077676632,
  "summary_csf_mean": 513.362297783521,
  "summary_csf_median": 495.2380866408348,
  "summary_csf_n": 3864.0,
  "summary_csf_p05": 222.4396096650511,
  "summary_csf_p95": 751.1904631499198,
  "summary_csf_stdv": 277.46872655108103,
  "summary_gm_k": 0.3778619819949012,
  "summary_gm_mad": 68.24676760359925,
  "summary_gm_mean": 751.5676721392757,
  "summary_gm_median": 747.2739690840244,
  "summary_gm_n": 25028.0,
  "summary_gm_p05": 638.4402925744653,
  "summary_gm_p95": 882.194601662457,
  "summary_gm_stdv": 72.77634521004528,
  "summary_wm_k": 1.087298249878244,
  "summary_wm_mad": 51.36413393854096,
  "summary_wm_mean": 1004.6323798273428,
  "summary_wm_median": 999.9999826401472,
  "summary_wm_n": 201699.0,
  "summary_wm_p05": 921.2560226544738,
  "summary_wm_p95": 1103.0365578010678,
  "summary_wm_stdv": 56.33684660742927,
  "tpm_overlap_csf": 0.15065525472164154,
  "tpm_overlap_gm": 0.44086918234825134,
  "tpm_overlap_wm": 0.49483633041381836,
  "wm2max": 0.3604253690955013
}