{
  "aor": 0.0006176767676767677,
  "aqi": 0.006844327239057239,
  "bids_meta": {
    "CogAtlasID": "https://www.cognitiveatlas.org/task/id/trm_4c8991fadfe01",
    "DeviceSerialNumber": "45031",
    "DwellTime": 5.4e-06,
    "EchoTime": 0.028,
    "EffectiveEchoSpacing": 0.000390001,
    "FlipAngle": 64,
    "InstitutionAddress": "Washington Rd, Princeton, NJ 08540, USA",
    "InstitutionName": "Princeton University",
    "InstitutionalDepartmentName": "Princeton Neuroscience Institute",
    "MagneticFieldStrength": 3,
    "Manufacturer": "Siemens",
    "ManufacturersModelName": "Skyra",
    "NumberOfVolumesDiscardedByScanner": 3,
    "ParallelReductionFactorInPlane": 2,
    "ParallelReductionType": "GRAPPA",
    "PartialFourier": 1,
    "PhaseEncodingDirection": "j-",
    "PixelBandwidth": 1445,
    "PulseSequenceDetails": "%SiemensSeq%_ep2d_bold",
    "PulseSequenceType": "Gradient Echo EPI",
    "ReceiveCoilActiveElements": "HE1-4",
    "ReceiveCoilName": "HeadNeck_20",
    "RepetitionTime": 1.5,
    "ScanOptions": "FS",
    "ScanningSequence": "EP",
    "SequenceName": "_epfid2d1_64",
    "SequenceVariant": "SK",
    "SliceTiming": [
      0,
      0.7775,
      0.055,
      0.8325,
      0.11,
      0.8875,
      0.165,
      0.9425,
      0.22,
      0.9975,
      0.2775,
      1.055,
      0.3325,
      1.11,
      0.3875,
      1.165,
      0.4425,
      1.22,
      0.5,
      1.2775,
      0.555,
      1.3325,
      0.61,
      1.3875,
      0.665,
      1.4425,
      0.72
    ],
    "SoftwareVersions": "syngo_MR_D11",
    "StationName": "AWP45031",
    "TaskDescription": "Passively listened to audio story 'milkyway'",
    "TaskName": "milkyway",
    "TotalReadoutTime": 0.0245701,
    "dataset": "ds002345",
    "modality": "bold",
    "subject_id": "096",
    "task_id": "milkyway"
  },
  "dummy_trs": 0,
  "dvars_nstd": 22.406622223006742,
  "dvars_std": 1.274158467263514,
  "dvars_vstd": 1.0061800697972978,
  "efc": 0.6180928864568526,
  "fber": 1410.6591796875,
  "fd_mean": 0.09172650481534964,
  "fd_num": 10,
  "fd_perc": 3.367003367003367,
  "fwhm_avg": 1.7249059863947795,
  "fwhm_x": 1.66552,
  "fwhm_y": 1.9399033333333333,
  "fwhm_z": 1.5692946258510052,
  "gcor": 0.0748657,
  "gsr_x": -0.0015389190521091223,
  "gsr_y": 0.050294604152441025,
  "provenance": {
    "md5sum": "c575c11c41c0804323357dd4983fc020",
    "settings": {
      "fd_thres": 0.2,
      "testing": false
    },
    "software": "mriqc",
    "version": "21.0.0rc2",
    "webapi_port": null,
    "webapi_url": "https://mriqc.nimh.nih.gov/api/v1"
  },
  "size_t": 297,
  "size_x": 64,
  "size_y": 64,
  "size_z": 27,
  "snr": 7.322545946175935,
  "spacing_tr": 1.5,
  "spacing_x": 3.0,
  "spacing_y": 3.0,
  "spacing_z": 4.000000953674316,
  "summary_bg_k": 23.05002775626382,
  "summary_bg_mad": 13.712823444039136,
  "summary_bg_mean": 49.07273483276367,
  "summary_bg_median": 18.154882431030273,
  "summary_bg_n": 52350.0,
  "summary_bg_p05": 7.452693414688111,
  "summary_bg_p95": 194.83248138427712,
  "summary_bg_stdv": 80.06969451904297,
  "summary_fg_k": 2.786605102896572,
  "summary_fg_mad": 91.20994366668438,
  "summary_fg_mean": 730.1485595703125,
  "summary_fg_median": 723.016845703125,
  "summary_fg_n": 29782.0,
  "summary_fg_p05": 594.0609436035156,
  "summary_fg_p95": 893.2005096435546,
  "summary_fg_stdv": 98.7367935180664,
  "tsnr": 75.79719921341166
}