{
  "aor": 0.00034021069692058344,
  "aqi": 0.011934968363047001,
  "bids_meta": {
    "CogAtlasID": "https://www.cognitiveatlas.org/task/id/trm_4c8991fadfe01",
    "DeviceSerialNumber": "45031",
    "DwellTime": 4.9e-06,
    "EchoTime": 0.028,
    "EffectiveEchoSpacing": 0.000355001,
    "FlipAngle": 64,
    "InstitutionAddress": "Washington Rd, Princeton, NJ 08540, USA",
    "InstitutionName": "Princeton University",
    "InstitutionalDepartmentName": "Princeton Neuroscience Institute",
    "MagneticFieldStrength": 3,
    "Manufacturer": "Siemens",
    "ManufacturersModelName": "Skyra",
    "NumberOfVolumesDiscardedByScanner": 3,
    "ParallelReductionFactorInPlane": 2,
    "ParallelReductionType": "GRAPPA",
    "PartialFourier": 1,
    "PhaseEncodingDirection": "j-",
    "PixelBandwidth": 1595,
    "PulseSequenceDetails": "%SiemensSeq%_ep2d_bold",
    "PulseSequenceType": "Gradient Echo EPI",
    "ReceiveCoilActiveElements": "HE1-4",
    "ReceiveCoilName": "HeadNeck_20",
    "RepetitionTime": 1.5,
    "ScanOptions": "FS",
    "ScanningSequence": "EP",
    "SequenceName": "_epfid2d1_64",
    "SequenceVariant": "SK",
    "SliceTiming": [
      0,
      0.7675,
      0.055,
      0.8225,
      0.1075,
      0.875,
      0.1625,
      0.93,
      0.2175,
      0.985,
      0.2725,
      1.04,
      0.3275,
      1.095,
      0.3825,
      1.15,
      0.4375,
      1.205,
      0.4925,
      1.26,
      0.5475,
      1.315,
      0.6025,
      1.37,
      0.6575,
      1.425,
      0.7125
    ],
    "SoftwareVersions": "syngo_MR_D13",
    "StationName": "AWP45031",
    "TaskDescription": "Passively listened to audio story 'merlin'",
    "TaskName": "merlin",
    "TotalReadoutTime": 0.022365,
    "dataset": "ds002345",
    "modality": "bold",
    "subject_id": "147",
    "task_id": "merlin"
  },
  "dummy_trs": 0,
  "dvars_nstd": 23.476871787824663,
  "dvars_std": 1.2013926116558449,
  "dvars_vstd": 0.9759594703733778,
  "efc": 0.6437788257023197,
  "fber": 1148.7490234375,
  "fd_mean": 0.14899097136363157,
  "fd_num": 122,
  "fd_perc": 19.773095623987032,
  "fwhm_avg": 1.685146111111111,
  "fwhm_x": 1.64103,
  "fwhm_y": 1.8814033333333333,
  "fwhm_z": 1.533005,
  "gcor": 0.0118404,
  "gsr_x": -0.022393755614757538,
  "gsr_y": 0.08023039251565933,
  "provenance": {
    "md5sum": "6acda45edc0e08fce4ddb363b6e69b39",
    "settings": {
      "fd_thres": 0.2,
      "testing": false
    },
    "software": "mriqc",
    "version": "22.0.0rc1",
    "webapi_port": null,
    "webapi_url": "https://mriqc.nimh.nih.gov/api/v1"
  },
  "size_t": 617,
  "size_x": 64,
  "size_y": 64,
  "size_z": 27,
  "snr": 7.318539104426673,
  "spacing_tr": 1.5,
  "spacing_x": 3.0,
  "spacing_y": 3.0,
  "spacing_z": 4.0,
  "summary_bg_k": 22.125225159896075,
  "summary_bg_mad": 15.655028730647151,
  "summary_bg_mean": 56.897605895996094,
  "summary_bg_median": 19.750404357910156,
  "summary_bg_n": 49211.0,
  "summary_bg_p05": 7.832252740859985,
  "summary_bg_p95": 216.92706298828125,
  "summary_bg_stdv": 91.09933471679688,
  "summary_fg_k": 2.8960063830203,
  "summary_fg_mad": 88.99337009842908,
  "summary_fg_mean": 750.4458618164062,
  "summary_fg_median": 738.4456787109375,
  "summary_fg_n": 32126.0,
  "summary_fg_p05": 619.6458587646484,
  "summary_fg_p95": 921.7852478027344,
  "summary_fg_stdv": 100.89912414550781,
  "tsnr": 68.28305055503733
}