{
  "aor": 0.002528233333333333,
  "aqi": 0.0091937951,
  "bids_meta": {
    "CogAtlasID": "https://www.cognitiveatlas.org/task/id/trm_4c8991fadfe01",
    "DeviceSerialNumber": "45031",
    "DwellTime": 5.4e-06,
    "EchoTime": 0.028,
    "EffectiveEchoSpacing": 0.000390001,
    "FlipAngle": 64,
    "InstitutionAddress": "Washington Rd, Princeton, NJ 08540, USA",
    "InstitutionName": "Princeton University",
    "InstitutionalDepartmentName": "Princeton Neuroscience Institute",
    "MagneticFieldStrength": 3,
    "Manufacturer": "Siemens",
    "ManufacturersModelName": "Skyra",
    "NumberOfVolumesDiscardedByScanner": 3,
    "ParallelReductionFactorInPlane": 2,
    "ParallelReductionType": "GRAPPA",
    "PartialFourier": 1,
    "PhaseEncodingDirection": "j-",
    "PixelBandwidth": 1445,
    "PulseSequenceDetails": "%SiemensSeq%_ep2d_bold",
    "PulseSequenceType": "Gradient Echo EPI",
    "ReceiveCoilActiveElements": "HE1-4",
    "ReceiveCoilName": "HeadNeck_20",
    "RepetitionTime": 1.5,
    "ScanOptions": "FS",
    "ScanningSequence": "EP",
    "SequenceName": "_epfid2d1_64",
    "SequenceVariant": "SK",
    "SliceTiming": [
      0,
      0.7775,
      0.055,
      0.8325,
      0.11,
      0.89,
      0.1675,
      0.945,
      0.2225,
      1,
      0.2775,
      1.055,
      0.3325,
      1.11,
      0.39,
      1.1675,
      0.445,
      1.2225,
      0.5,
      1.2775,
      0.555,
      1.3325,
      0.61,
      1.3875,
      0.6675,
      1.445,
      0.7225
    ],
    "SoftwareVersions": "syngo_MR_D11",
    "StationName": "AWP45031",
    "TaskDescription": "Passively listened to audio story 'pieman'",
    "TaskName": "pieman",
    "TotalReadoutTime": 0.0245701,
    "dataset": "ds002345",
    "modality": "bold",
    "subject_id": "035",
    "task_id": "pieman"
  },
  "dummy_trs": 0,
  "dvars_nstd": 23.2003084135117,
  "dvars_std": 1.2959830521070241,
  "dvars_vstd": 1.0174977001337786,
  "efc": 0.6182902396317559,
  "fber": 1854.755126953125,
  "fd_mean": 0.15380166219943883,
  "fd_num": 62,
  "fd_perc": 20.666666666666668,
  "fwhm_avg": 1.8013146760752503,
  "fwhm_x": 1.7419898615590843,
  "fwhm_y": 1.9858566666666666,
  "fwhm_z": 1.6760975,
  "gcor": 0.0268076,
  "gsr_x": -0.02305208332836628,
  "gsr_y": 0.04682103171944618,
  "provenance": {
    "md5sum": "68030a956d908cda750994d17c97eb80",
    "settings": {
      "fd_thres": 0.2,
      "testing": false
    },
    "software": "mriqc",
    "version": "21.0.0rc2",
    "webapi_port": null,
    "webapi_url": "https://mriqc.nimh.nih.gov/api/v1"
  },
  "size_t": 300,
  "size_x": 64,
  "size_y": 64,
  "size_z": 27,
  "snr": 6.714052469748286,
  "spacing_tr": 1.5,
  "spacing_x": 3.000000238418579,
  "spacing_y": 3.0,
  "spacing_z": 4.0,
  "summary_bg_k": 19.101291653955766,
  "summary_bg_mad": 10.820525653273807,
  "summary_bg_mean": 46.52543640136719,
  "summary_bg_median": 15.898334503173828,
  "summary_bg_n": 51854.0,
  "summary_bg_p05": 6.940000057220459,
  "summary_bg_p95": 201.5095092773436,
  "summary_bg_stdv": 81.92539978027344,
  "summary_fg_k": 1.0706654536785498,
  "summary_fg_mad": 108.95397930627169,
  "summary_fg_mean": 741.6445922851562,
  "summary_fg_median": 732.8500366210938,
  "summary_fg_n": 30230.0,
  "summary_fg_p05": 586.2511810302734,
  "summary_fg_p95": 927.1233520507812,
  "summary_fg_stdv": 109.14986419677734,
  "tsnr": 66.38123270124197
}