{
  "aor": 0.0017356557377049182,
  "aqi": 0.006990994426229508,
  "bids_meta": {
    "CogAtlasID": "https://www.cognitiveatlas.org/task/id/trm_4c8991fadfe01",
    "DeviceSerialNumber": "66018",
    "DwellTime": 4.2e-06,
    "EchoTime": 0.039,
    "EffectiveEchoSpacing": 0.000929976,
    "FlipAngle": 50,
    "InstitutionAddress": "Washington Rd, Princeton, NJ 08540, USA",
    "InstitutionName": "Princeton University",
    "InstitutionalDepartmentName": "Princeton Neuroscience Institute",
    "MagneticFieldStrength": 3,
    "Manufacturer": "Siemens",
    "ManufacturersModelName": "Prisma",
    "NumberOfVolumesDiscardedByScanner": 3,
    "ParallelReductionType": "GRAPPA",
    "PartialFourier": 0.75,
    "PhaseEncodingDirection": "j-",
    "PixelBandwidth": 1240,
    "PulseSequenceDetails": "%CustomerSeq%_ep2d_bold_sms_mgh_v22",
    "PulseSequenceType": "Gradient Echo EPI",
    "ReceiveCoilActiveElements": "HC1-7;NC1,2",
    "ReceiveCoilName": "HeadNeck_64",
    "RepetitionTime": 1.5,
    "ScanOptions": "PFP_FS",
    "ScanningSequence": "EP",
    "SequenceName": "epfSM2d1_96",
    "SequenceVariant": "SK",
    "SliceTiming": [
      0.6925,
      0,
      0.79,
      0.1,
      0.8875,
      0.1975,
      0.9875,
      0.2975,
      1.085,
      0.395,
      1.185,
      0.495,
      1.2825,
      0.5925,
      1.3825,
      0.6925,
      0,
      0.79,
      0.1,
      0.8875,
      0.1975,
      0.9875,
      0.2975,
      1.085,
      0.395,
      1.185,
      0.495,
      1.2825,
      0.5925,
      1.3825,
      0.6925,
      0,
      0.79,
      0.1,
      0.8875,
      0.1975,
      0.9875,
      0.2975,
      1.085,
      0.395,
      1.185,
      0.495,
      1.2825,
      0.5925,
      1.3825,
      0.6925,
      0,
      0.79,
      0.1,
      0.8875,
      0.1975,
      0.9875,
      0.2975,
      1.085,
      0.395,
      1.185,
      0.495,
      1.2825,
      0.5925,
      1.3825
    ],
    "SoftwareVersions": "syngo_MR_D13D",
    "StationName": "AWP66018",
    "TaskDescription": "Passively listened to audio story 'schema'",
    "TaskName": "schema",
    "TotalReadoutTime": 0.0883478,
    "dataset": "ds002345",
    "modality": "bold",
    "run_id": 2,
    "subject_id": "049",
    "task_id": "schema"
  },
  "dummy_trs": 1,
  "dvars_nstd": 34.67604026936347,
  "dvars_std": 1.1250610561190963,
  "dvars_vstd": 1.0025979466529782,
  "efc": 0.5680723286699623,
  "fber": 344.2613220214844,
  "fd_mean": 0.10775709494858483,
  "fd_num": 16,
  "fd_perc": 3.278688524590164,
  "fwhm_avg": 2.8620599999999996,
  "fwhm_x": 2.651105,
  "fwhm_y": 2.99774,
  "fwhm_z": 2.937335,
  "gcor": 0.0197324,
  "gsr_x": -0.0037656717468053102,
  "gsr_y": 0.0430663637816906,
  "provenance": {
    "md5sum": "e780b64770f04ba7f58ece468c955bd9",
    "settings": {
      "fd_thres": 0.2,
      "testing": false
    },
    "software": "mriqc",
    "version": "21.0.0rc2",
    "webapi_port": null,
    "webapi_url": "https://mriqc.nimh.nih.gov/api/v1"
  },
  "size_t": 488,
  "size_x": 96,
  "size_y": 96,
  "size_z": 60,
  "snr": 2.0025187281387007,
  "spacing_tr": 1.5,
  "spacing_x": 2.0,
  "spacing_y": 2.0,
  "spacing_z": 2.0,
  "summary_bg_k": 110.97616564296622,
  "summary_bg_mad": 8.120889968923073,
  "summary_bg_mean": 41.67888641357422,
  "summary_bg_median": 25.813522338867188,
  "summary_bg_n": 316111.0,
  "summary_bg_p05": 18.454917907714844,
  "summary_bg_p95": 117.50306701660156,
  "summary_bg_stdv": 55.20151138305664,
  "summary_fg_k": 3.219587054628006,
  "summary_fg_mad": 198.3041096126145,
  "summary_fg_mean": 545.6610717773438,
  "summary_fg_median": 493.57989501953125,
  "summary_fg_n": 149193.0,
  "summary_fg_p05": 257.01226806640625,
  "summary_fg_p95": 1029.2544433593748,
  "summary_fg_stdv": 246.4787139892578,
  "tsnr": 38.00897987978533
}