{
  "aor": 0.0008521404682274248,
  "aqi": 0.006293330100334448,
  "bids_meta": {
    "CogAtlasID": "https://www.cognitiveatlas.org/task/id/trm_4c8991fadfe01",
    "DeviceSerialNumber": "45031",
    "DwellTime": 5.4e-06,
    "EchoTime": 0.028,
    "EffectiveEchoSpacing": 0.000390001,
    "FlipAngle": 64,
    "InstitutionAddress": "Washington Rd, Princeton, NJ 08540, USA",
    "InstitutionName": "Princeton University",
    "InstitutionalDepartmentName": "Princeton Neuroscience Institute",
    "MagneticFieldStrength": 3,
    "Manufacturer": "Siemens",
    "ManufacturersModelName": "Skyra",
    "NumberOfVolumesDiscardedByScanner": 3,
    "ParallelReductionFactorInPlane": 2,
    "ParallelReductionType": "GRAPPA",
    "PartialFourier": 1,
    "PhaseEncodingDirection": "j-",
    "PixelBandwidth": 1445,
    "PulseSequenceDetails": "%SiemensSeq%_ep2d_bold",
    "PulseSequenceType": "Gradient Echo EPI",
    "ReceiveCoilActiveElements": "HE1-4",
    "ReceiveCoilName": "HeadNeck_20",
    "RepetitionTime": 1.5,
    "ScanOptions": "FS",
    "ScanningSequence": "EP",
    "SequenceName": "_epfid2d1_64",
    "SequenceVariant": "SK",
    "SliceTiming": [
      0,
      0.7775,
      0.055,
      0.8325,
      0.11,
      0.89,
      0.1675,
      0.945,
      0.2225,
      1,
      0.2775,
      1.055,
      0.3325,
      1.11,
      0.39,
      1.1675,
      0.445,
      1.2225,
      0.5,
      1.2775,
      0.555,
      1.3325,
      0.61,
      1.3875,
      0.6675,
      1.445,
      0.7225
    ],
    "SoftwareVersions": "syngo_MR_D11",
    "StationName": "AWP45031",
    "TaskDescription": "Passively listened to audio story 'pieman'",
    "TaskName": "pieman",
    "TotalReadoutTime": 0.0245701,
    "dataset": "ds002345",
    "modality": "bold",
    "subject_id": "049",
    "task_id": "pieman"
  },
  "dummy_trs": 1,
  "dvars_nstd": 21.886854939865774,
  "dvars_std": 1.2332349229194632,
  "dvars_vstd": 0.99513818909396,
  "efc": 0.599920654154166,
  "fber": 2156.9794921875,
  "fd_mean": 0.10744553163940508,
  "fd_num": 6,
  "fd_perc": 2.0066889632107023,
  "fwhm_avg": 1.7188733333333335,
  "fwhm_x": 1.6893466666666666,
  "fwhm_y": 1.8645933333333333,
  "fwhm_z": 1.60268,
  "gcor": 0.0615006,
  "gsr_x": 0.0021585728973150253,
  "gsr_y": 0.027364587411284447,
  "provenance": {
    "md5sum": "aa15fbdab1f3899df1c3a5e64048dde6",
    "settings": {
      "fd_thres": 0.2,
      "testing": false
    },
    "software": "mriqc",
    "version": "21.0.0rc2",
    "webapi_port": null,
    "webapi_url": "https://mriqc.nimh.nih.gov/api/v1"
  },
  "size_t": 299,
  "size_x": 64,
  "size_y": 64,
  "size_z": 27,
  "snr": 7.138974293971616,
  "spacing_tr": 1.5,
  "spacing_x": 3.0,
  "spacing_y": 3.0,
  "spacing_z": 4.0,
  "summary_bg_k": 24.3452181384065,
  "summary_bg_mad": 8.15183218670202,
  "summary_bg_mean": 32.96990203857422,
  "summary_bg_median": 13.966554641723633,
  "summary_bg_n": 52781.0,
  "summary_bg_p05": 6.762541770935059,
  "summary_bg_p95": 124.61872863769531,
  "summary_bg_stdv": 56.652137756347656,
  "summary_fg_k": 2.6774975090781172,
  "summary_fg_mad": 87.94951280524235,
  "summary_fg_mean": 689.0309448242188,
  "summary_fg_median": 683.5050048828125,
  "summary_fg_n": 29287.0,
  "summary_fg_p05": 554.6615417480468,
  "summary_fg_p95": 844.7939758300779,
  "summary_fg_stdv": 95.7411117553711,
  "tsnr": 77.49744220706634
}