{
  "aor": 0.0010355284552845526,
  "aqi": 0.0056228845934959346,
  "bids_meta": {
    "CogAtlasID": "https://www.cognitiveatlas.org/task/id/trm_4c8991fadfe01",
    "DeviceSerialNumber": "66018",
    "DwellTime": 4.2e-06,
    "EchoTime": 0.039,
    "EffectiveEchoSpacing": 0.000929976,
    "FlipAngle": 50,
    "InstitutionAddress": "Washington Rd, Princeton, NJ 08540, USA",
    "InstitutionName": "Princeton University",
    "InstitutionalDepartmentName": "Princeton Neuroscience Institute",
    "MagneticFieldStrength": 3,
    "Manufacturer": "Siemens",
    "ManufacturersModelName": "Prisma",
    "NumberOfVolumesDiscardedByScanner": 3,
    "ParallelReductionType": "GRAPPA",
    "PartialFourier": 0.75,
    "PhaseEncodingDirection": "j-",
    "PixelBandwidth": 1240,
    "PulseSequenceDetails": "%CustomerSeq%_ep2d_bold_sms_mgh_v22",
    "PulseSequenceType": "Gradient Echo EPI",
    "ReceiveCoilActiveElements": "HC1-7;NC1,2",
    "ReceiveCoilName": "HeadNeck_64",
    "RepetitionTime": 1.5,
    "ScanOptions": "PFP_FS",
    "ScanningSequence": "EP",
    "SequenceName": "epfSM2d1_96",
    "SequenceVariant": "SK",
    "SliceTiming": [
      0.6925,
      0,
      0.79,
      0.1,
      0.8875,
      0.1975,
      0.9875,
      0.2975,
      1.085,
      0.395,
      1.185,
      0.495,
      1.2825,
      0.5925,
      1.3825,
      0.6925,
      0,
      0.79,
      0.1,
      0.8875,
      0.1975,
      0.9875,
      0.2975,
      1.085,
      0.395,
      1.185,
      0.495,
      1.2825,
      0.5925,
      1.3825,
      0.6925,
      0,
      0.79,
      0.1,
      0.8875,
      0.1975,
      0.9875,
      0.2975,
      1.085,
      0.395,
      1.185,
      0.495,
      1.2825,
      0.5925,
      1.3825,
      0.6925,
      0,
      0.79,
      0.1,
      0.8875,
      0.1975,
      0.9875,
      0.2975,
      1.085,
      0.395,
      1.185,
      0.495,
      1.2825,
      0.5925,
      1.3825
    ],
    "SoftwareVersions": "syngo_MR_D13D",
    "StationName": "AWP66018",
    "TaskDescription": "Passively listened to audio story 'schema'",
    "TaskName": "schema",
    "TotalReadoutTime": 0.0883478,
    "dataset": "ds002345",
    "modality": "bold",
    "run_id": 1,
    "subject_id": "049",
    "task_id": "schema"
  },
  "dummy_trs": 0,
  "dvars_nstd": 34.622001745030545,
  "dvars_std": 1.1323502850101832,
  "dvars_vstd": 1.0002087559674129,
  "efc": 0.5671013599325707,
  "fber": 351.7376403808594,
  "fd_mean": 0.10664487022562094,
  "fd_num": 21,
  "fd_perc": 4.2682926829268295,
  "fwhm_avg": 2.862201666666666,
  "fwhm_x": 2.66477,
  "fwhm_y": 2.977705,
  "fwhm_z": 2.94413,
  "gcor": 0.0248815,
  "gsr_x": -0.0030949274078011513,
  "gsr_y": 0.04329366236925125,
  "provenance": {
    "md5sum": "5f35432c7c9c4e34f14a4eea277b11c5",
    "settings": {
      "fd_thres": 0.2,
      "testing": false
    },
    "software": "mriqc",
    "version": "21.0.0rc2",
    "webapi_port": null,
    "webapi_url": "https://mriqc.nimh.nih.gov/api/v1"
  },
  "size_t": 492,
  "size_x": 96,
  "size_y": 96,
  "size_z": 60,
  "snr": 2.0103988979989613,
  "spacing_tr": 1.5,
  "spacing_x": 2.0,
  "spacing_y": 2.0,
  "spacing_z": 2.0,
  "summary_bg_k": 115.94570069412673,
  "summary_bg_mad": 8.0247349487131,
  "summary_bg_mean": 41.26765441894531,
  "summary_bg_median": 25.63821029663086,
  "summary_bg_n": 316363.0,
  "summary_bg_p05": 18.32520294189453,
  "summary_bg_p95": 115.19897766113274,
  "summary_bg_stdv": 55.00659942626953,
  "summary_fg_k": 2.9909403252173465,
  "summary_fg_mad": 199.23069075375145,
  "summary_fg_mean": 548.0972900390625,
  "summary_fg_median": 495.53759765625,
  "summary_fg_n": 148972.0,
  "summary_fg_p05": 258.2909469604492,
  "summary_fg_p95": 1031.8587707519519,
  "summary_fg_stdv": 246.4863739013672,
  "tsnr": 41.22947186650708
}