{
  "aor": 0.0007731832797427651,
  "aqi": 0.005071278102893891,
  "bids_meta": {
    "CogAtlasID": "https://www.cognitiveatlas.org/task/id/trm_4c8991fadfe01",
    "DeviceSerialNumber": "66018",
    "DwellTime": 4.2e-06,
    "EchoTime": 0.039,
    "EffectiveEchoSpacing": 0.000929976,
    "FlipAngle": 50,
    "InstitutionAddress": "Washington Rd, Princeton, NJ 08540, USA",
    "InstitutionName": "Princeton University",
    "InstitutionalDepartmentName": "Princeton Neuroscience Institute",
    "MagneticFieldStrength": 3,
    "Manufacturer": "Siemens",
    "ManufacturersModelName": "Prisma",
    "NumberOfVolumesDiscardedByScanner": 3,
    "ParallelReductionType": "GRAPPA",
    "PartialFourier": 0.75,
    "PhaseEncodingDirection": "j-",
    "PixelBandwidth": 1240,
    "PulseSequenceDetails": "%CustomerSeq%_ep2d_bold_sms_mgh_v22",
    "PulseSequenceType": "Gradient Echo EPI",
    "ReceiveCoilActiveElements": "HC1-7;NC1,2",
    "ReceiveCoilName": "HeadNeck_64",
    "RepetitionTime": 1.5,
    "ScanOptions": "PFP_FS",
    "ScanningSequence": "EP",
    "SequenceName": "epfSM2d1_96",
    "SequenceVariant": "SK",
    "SliceTiming": [
      0.6925,
      0,
      0.79,
      0.1,
      0.8875,
      0.1975,
      0.9875,
      0.2975,
      1.085,
      0.395,
      1.185,
      0.495,
      1.2825,
      0.5925,
      1.3825,
      0.6925,
      0,
      0.79,
      0.1,
      0.8875,
      0.1975,
      0.9875,
      0.2975,
      1.085,
      0.395,
      1.185,
      0.495,
      1.2825,
      0.5925,
      1.3825,
      0.6925,
      0,
      0.79,
      0.1,
      0.8875,
      0.1975,
      0.9875,
      0.2975,
      1.085,
      0.395,
      1.185,
      0.495,
      1.2825,
      0.5925,
      1.3825,
      0.6925,
      0,
      0.79,
      0.1,
      0.8875,
      0.1975,
      0.9875,
      0.2975,
      1.085,
      0.395,
      1.185,
      0.495,
      1.2825,
      0.5925,
      1.3825
    ],
    "SoftwareVersions": "syngo_MR_D13D",
    "StationName": "AWP66018",
    "TaskDescription": "Passively listened to audio story 'shapesphysical'",
    "TaskName": "shapesphysical",
    "TotalReadoutTime": 0.0883478,
    "dataset": "ds002345",
    "modality": "bold",
    "subject_id": "049",
    "task_id": "shapesphysical"
  },
  "dummy_trs": 2,
  "dvars_nstd": 32.64059991529031,
  "dvars_std": 1.091735131838711,
  "dvars_vstd": 0.9927070655806446,
  "efc": 0.5748447276064668,
  "fber": 348.0299377441406,
  "fd_mean": 0.08495606996970272,
  "fd_num": 3,
  "fd_perc": 0.9646302250803859,
  "fwhm_avg": 2.7578600000000004,
  "fwhm_x": 2.5659,
  "fwhm_y": 2.917385,
  "fwhm_z": 2.790295,
  "gcor": 0.0118086,
  "gsr_x": -0.0032498622313141823,
  "gsr_y": 0.05267024040222168,
  "provenance": {
    "md5sum": "822fd9165fbc493c6a2ca368b48e3225",
    "settings": {
      "fd_thres": 0.2,
      "testing": false
    },
    "software": "mriqc",
    "version": "21.0.0rc2",
    "webapi_port": null,
    "webapi_url": "https://mriqc.nimh.nih.gov/api/v1"
  },
  "size_t": 311,
  "size_x": 96,
  "size_y": 96,
  "size_z": 60,
  "snr": 2.235248724173251,
  "spacing_tr": 1.5,
  "spacing_x": 2.0,
  "spacing_y": 2.0,
  "spacing_z": 2.0,
  "summary_bg_k": 163.7845879503558,
  "summary_bg_mad": 6.664561205488225,
  "summary_bg_mean": 40.86064529418945,
  "summary_bg_median": 25.19292640686035,
  "summary_bg_n": 316251.0,
  "summary_bg_p05": 19.035369873046875,
  "summary_bg_p95": 106.52250671386719,
  "summary_bg_stdv": 63.0458984375,
  "summary_fg_k": 2.27374899944627,
  "summary_fg_mad": 188.26901279413596,
  "summary_fg_mean": 523.7481079101562,
  "summary_fg_median": 484.6446838378906,
  "summary_fg_n": 149550.0,
  "summary_fg_p05": 252.48456192016602,
  "summary_fg_p95": 928.3329559326171,
  "summary_fg_stdv": 216.8184051513672,
  "tsnr": 45.41205613967031
}