{
  "aor": 0.000660941883767535,
  "aqi": 0.006195986773547094,
  "bids_meta": {
    "CogAtlasID": "https://www.cognitiveatlas.org/task/id/trm_4c8991fadfe01",
    "DeviceSerialNumber": "66018",
    "DwellTime": 4.2e-06,
    "EchoTime": 0.039,
    "EffectiveEchoSpacing": 0.000929976,
    "FlipAngle": 50,
    "InstitutionAddress": "Washington Rd, Princeton, NJ 08540, USA",
    "InstitutionName": "Princeton University",
    "InstitutionalDepartmentName": "Princeton Neuroscience Institute",
    "MagneticFieldStrength": 3,
    "Manufacturer": "Siemens",
    "ManufacturersModelName": "Prisma",
    "NumberOfVolumesDiscardedByScanner": 3,
    "ParallelReductionType": "GRAPPA",
    "PartialFourier": 0.75,
    "PhaseEncodingDirection": "j-",
    "PixelBandwidth": 1240,
    "PulseSequenceDetails": "%CustomerSeq%_ep2d_bold_sms_mgh_v22",
    "PulseSequenceType": "Gradient Echo EPI",
    "ReceiveCoilActiveElements": "HC1-7;NC1,2",
    "ReceiveCoilName": "HeadNeck_64",
    "RepetitionTime": 1.5,
    "ScanOptions": "PFP_FS",
    "ScanningSequence": "EP",
    "SequenceName": "epfSM2d1_96",
    "SequenceVariant": "SK",
    "SliceTiming": [
      0.6925,
      0,
      0.79,
      0.1,
      0.8875,
      0.1975,
      0.9875,
      0.2975,
      1.085,
      0.395,
      1.185,
      0.495,
      1.2825,
      0.5925,
      1.3825,
      0.6925,
      0,
      0.79,
      0.1,
      0.8875,
      0.1975,
      0.9875,
      0.2975,
      1.085,
      0.395,
      1.185,
      0.495,
      1.2825,
      0.5925,
      1.3825,
      0.6925,
      0,
      0.79,
      0.1,
      0.8875,
      0.1975,
      0.9875,
      0.2975,
      1.085,
      0.395,
      1.185,
      0.495,
      1.2825,
      0.5925,
      1.3825,
      0.6925,
      0,
      0.79,
      0.1,
      0.8875,
      0.1975,
      0.9875,
      0.2975,
      1.085,
      0.395,
      1.185,
      0.495,
      1.2825,
      0.5925,
      1.3825
    ],
    "SoftwareVersions": "syngo_MR_D13D",
    "StationName": "AWP66018",
    "TaskDescription": "Passively listened to audio story 'schema'",
    "TaskName": "schema",
    "TotalReadoutTime": 0.0883478,
    "dataset": "ds002345",
    "modality": "bold",
    "run_id": 3,
    "subject_id": "049",
    "task_id": "schema"
  },
  "dummy_trs": 1,
  "dvars_nstd": 34.35318041036145,
  "dvars_std": 1.1093539387148597,
  "dvars_vstd": 0.9874518707228904,
  "efc": 0.5685587317172057,
  "fber": 343.9955139160156,
  "fd_mean": 0.0993185119853668,
  "fd_num": 11,
  "fd_perc": 2.2044088176352705,
  "fwhm_avg": 2.8620783333333333,
  "fwhm_x": 2.65116,
  "fwhm_y": 3.000575,
  "fwhm_z": 2.9345,
  "gcor": 0.017311,
  "gsr_x": -0.003556565148755908,
  "gsr_y": 0.04312381520867348,
  "provenance": {
    "md5sum": "705f207306bbc90cf4b59741f9339d3b",
    "settings": {
      "fd_thres": 0.2,
      "testing": false
    },
    "software": "mriqc",
    "version": "21.0.0rc2",
    "webapi_port": null,
    "webapi_url": "https://mriqc.nimh.nih.gov/api/v1"
  },
  "size_t": 499,
  "size_x": 96,
  "size_y": 96,
  "size_z": 60,
  "snr": 1.9898124510682818,
  "spacing_tr": 1.5,
  "spacing_x": 2.0,
  "spacing_y": 2.0,
  "spacing_z": 2.0,
  "summary_bg_k": 108.92781372708336,
  "summary_bg_mad": 7.849768046808809,
  "summary_bg_mean": 41.990264892578125,
  "summary_bg_median": 25.679359436035156,
  "summary_bg_n": 315781.0,
  "summary_bg_p05": 18.675350189208984,
  "summary_bg_p95": 119.87775421142578,
  "summary_bg_stdv": 55.90353012084961,
  "summary_fg_k": 3.322456621709221,
  "summary_fg_mad": 198.4577630896056,
  "summary_fg_mean": 544.5542602539062,
  "summary_fg_median": 492.1883850097656,
  "summary_fg_n": 149679.0,
  "summary_fg_p05": 254.9657409667969,
  "summary_fg_p95": 1029.5559692382812,
  "summary_fg_stdv": 247.35333251953125,
  "tsnr": 39.96826185914688
}