{
  "aor": 0.0005473941368078176,
  "aqi": 0.0046310203908794785,
  "bids_meta": {
    "CogAtlasID": "https://www.cognitiveatlas.org/task/id/trm_4c8991fadfe01",
    "DeviceSerialNumber": "66018",
    "DwellTime": 4.2e-06,
    "EchoTime": 0.039,
    "EffectiveEchoSpacing": 0.000929976,
    "FlipAngle": 50,
    "InstitutionAddress": "Washington Rd, Princeton, NJ 08540, USA",
    "InstitutionName": "Princeton University",
    "InstitutionalDepartmentName": "Princeton Neuroscience Institute",
    "MagneticFieldStrength": 3,
    "Manufacturer": "Siemens",
    "ManufacturersModelName": "Prisma",
    "NumberOfVolumesDiscardedByScanner": 3,
    "ParallelReductionType": "GRAPPA",
    "PartialFourier": 0.75,
    "PhaseEncodingDirection": "j-",
    "PixelBandwidth": 1240,
    "PulseSequenceDetails": "%CustomerSeq%_ep2d_bold_sms_mgh_v22",
    "PulseSequenceType": "Gradient Echo EPI",
    "ReceiveCoilActiveElements": "HC1-7;NC1,2",
    "ReceiveCoilName": "HeadNeck_64",
    "RepetitionTime": 1.5,
    "ScanOptions": "PFP_FS",
    "ScanningSequence": "EP",
    "SequenceName": "epfSM2d1_96",
    "SequenceVariant": "SK",
    "SliceTiming": [
      0.6925,
      0,
      0.79,
      0.1,
      0.8875,
      0.1975,
      0.9875,
      0.2975,
      1.085,
      0.395,
      1.185,
      0.495,
      1.2825,
      0.5925,
      1.3825,
      0.6925,
      0,
      0.79,
      0.1,
      0.8875,
      0.1975,
      0.9875,
      0.2975,
      1.085,
      0.395,
      1.185,
      0.495,
      1.2825,
      0.5925,
      1.3825,
      0.6925,
      0,
      0.79,
      0.1,
      0.8875,
      0.1975,
      0.9875,
      0.2975,
      1.085,
      0.395,
      1.185,
      0.495,
      1.2825,
      0.5925,
      1.3825,
      0.6925,
      0,
      0.79,
      0.1,
      0.8875,
      0.1975,
      0.9875,
      0.2975,
      1.085,
      0.395,
      1.185,
      0.495,
      1.2825,
      0.5925,
      1.3825
    ],
    "SoftwareVersions": "syngo_MR_D13D",
    "StationName": "AWP66018",
    "TaskDescription": "Passively listened to audio story 'shapessocial'",
    "TaskName": "shapessocial",
    "TotalReadoutTime": 0.0883478,
    "dataset": "ds002345",
    "modality": "bold",
    "subject_id": "049",
    "task_id": "shapessocial"
  },
  "dummy_trs": 2,
  "dvars_nstd": 31.749266985980384,
  "dvars_std": 1.1008049739215682,
  "dvars_vstd": 1.000039479019608,
  "efc": 0.5736623138282213,
  "fber": 354.977294921875,
  "fd_mean": 0.0847376611936102,
  "fd_num": 2,
  "fd_perc": 0.6514657980456026,
  "fwhm_avg": 2.7422300000000006,
  "fwhm_x": 2.566565,
  "fwhm_y": 2.88481,
  "fwhm_z": 2.775315,
  "gcor": 0.013157,
  "gsr_x": -0.0030414736829698086,
  "gsr_y": 0.05357997491955757,
  "provenance": {
    "md5sum": "d42c0919b82f173788dc38e15edbd647",
    "settings": {
      "fd_thres": 0.2,
      "testing": false
    },
    "software": "mriqc",
    "version": "21.0.0rc2",
    "webapi_port": null,
    "webapi_url": "https://mriqc.nimh.nih.gov/api/v1"
  },
  "size_t": 307,
  "size_x": 96,
  "size_y": 96,
  "size_z": 60,
  "snr": 2.2390160396164442,
  "spacing_tr": 1.5,
  "spacing_x": 2.0,
  "spacing_y": 2.0,
  "spacing_z": 2.0,
  "summary_bg_k": 165.33598507501299,
  "summary_bg_mad": 6.707928949214959,
  "summary_bg_mean": 40.74119186401367,
  "summary_bg_median": 25.07491683959961,
  "summary_bg_n": 316686.0,
  "summary_bg_p05": 18.843647003173828,
  "summary_bg_p95": 104.59038543701172,
  "summary_bg_stdv": 64.23755645751953,
  "summary_fg_k": 2.3277347193864895,
  "summary_fg_mad": 189.08732162360047,
  "summary_fg_mean": 527.0656127929688,
  "summary_fg_median": 487.643310546875,
  "summary_fg_n": 149262.0,
  "summary_fg_p05": 254.9449363708496,
  "summary_fg_p95": 932.309063720703,
  "summary_fg_stdv": 217.7928466796875,
  "tsnr": 46.637867285404354
}