{
  "aor": 0.0005797087378640777,
  "aqi": 0.0040636054692556635,
  "bids_meta": {
    "CogAtlasID": "https://www.cognitiveatlas.org/task/id/trm_4c8991fadfe01",
    "DeviceSerialNumber": "66018",
    "DwellTime": 4.2e-06,
    "EchoTime": 0.039,
    "EffectiveEchoSpacing": 0.000929976,
    "FlipAngle": 50,
    "InstitutionAddress": "Washington Rd, Princeton, NJ 08540, USA",
    "InstitutionName": "Princeton University",
    "InstitutionalDepartmentName": "Princeton Neuroscience Institute",
    "MagneticFieldStrength": 3,
    "Manufacturer": "Siemens",
    "ManufacturersModelName": "Prisma",
    "NumberOfVolumesDiscardedByScanner": 3,
    "ParallelReductionType": "GRAPPA",
    "PartialFourier": 0.75,
    "PhaseEncodingDirection": "j-",
    "PixelBandwidth": 1240,
    "PulseSequenceDetails": "%CustomerSeq%_ep2d_bold_sms_mgh_v22",
    "PulseSequenceType": "Gradient Echo EPI",
    "ReceiveCoilActiveElements": "HC1-7;NC1,2",
    "ReceiveCoilName": "HeadNeck_64",
    "RepetitionTime": 1.5,
    "ScanOptions": "PFP_FS",
    "ScanningSequence": "EP",
    "SequenceName": "epfSM2d1_96",
    "SequenceVariant": "SK",
    "SliceTiming": [
      0.6925,
      0,
      0.79,
      0.1,
      0.8875,
      0.1975,
      0.9875,
      0.2975,
      1.085,
      0.395,
      1.185,
      0.495,
      1.2825,
      0.5925,
      1.3825,
      0.6925,
      0,
      0.79,
      0.1,
      0.8875,
      0.1975,
      0.9875,
      0.2975,
      1.085,
      0.395,
      1.185,
      0.495,
      1.2825,
      0.5925,
      1.3825,
      0.6925,
      0,
      0.79,
      0.1,
      0.8875,
      0.1975,
      0.9875,
      0.2975,
      1.085,
      0.395,
      1.185,
      0.495,
      1.2825,
      0.5925,
      1.3825,
      0.6925,
      0,
      0.79,
      0.1,
      0.8875,
      0.1975,
      0.9875,
      0.2975,
      1.085,
      0.395,
      1.185,
      0.495,
      1.2825,
      0.5925,
      1.3825
    ],
    "SoftwareVersions": "syngo_MR_D13D",
    "StationName": "AWP66018",
    "TaskDescription": "Passively listened to audio story 'shapessocial'",
    "TaskName": "shapessocial",
    "TotalReadoutTime": 0.0883478,
    "dataset": "ds002345",
    "modality": "bold",
    "subject_id": "208",
    "task_id": "shapessocial"
  },
  "dummy_trs": 1,
  "dvars_nstd": 35.699415541461015,
  "dvars_std": 1.1365879189610397,
  "dvars_vstd": 0.994712691493506,
  "efc": 0.5928856376081605,
  "fber": 316.0931091308594,
  "fd_mean": 0.10409930938408378,
  "fd_num": 14,
  "fd_perc": 4.53074433656958,
  "fwhm_avg": 2.9219299999999997,
  "fwhm_x": 2.761005,
  "fwhm_y": 3.008465,
  "fwhm_z": 2.99632,
  "gcor": 0.00399277,
  "gsr_x": -0.014467318542301655,
  "gsr_y": 0.05291588231921196,
  "provenance": {
    "md5sum": "2aa8ddc9b3cf124b38097c79a3b47879",
    "settings": {
      "fd_thres": 0.2,
      "testing": false
    },
    "software": "mriqc",
    "version": "22.0.0rc1",
    "webapi_port": null,
    "webapi_url": "https://mriqc.nimh.nih.gov/api/v1"
  },
  "size_t": 309,
  "size_x": 96,
  "size_y": 96,
  "size_z": 60,
  "snr": 2.1716629397576908,
  "spacing_tr": 1.5,
  "spacing_x": 2.0,
  "spacing_y": 2.0,
  "spacing_z": 2.0,
  "summary_bg_k": 92.13185546381841,
  "summary_bg_mad": 8.199894143690775,
  "summary_bg_mean": 45.40809631347656,
  "summary_bg_median": 27.61812400817871,
  "summary_bg_n": 301180.0,
  "summary_bg_p05": 20.922330856323242,
  "summary_bg_p95": 123.79628143310543,
  "summary_bg_stdv": 58.447322845458984,
  "summary_fg_k": 4.192709165166282,
  "summary_fg_mad": 191.79790740873665,
  "summary_fg_mean": 553.444091796875,
  "summary_fg_median": 507.80908203125,
  "summary_fg_n": 160941.0,
  "summary_fg_p05": 279.0,
  "summary_fg_p95": 995.7929077148438,
  "summary_fg_stdv": 233.83348083496094,
  "tsnr": 47.28658866137266
}