{
  "aor": 0.0009031391585760518,
  "aqi": 0.005486268025889968,
  "bids_meta": {
    "CogAtlasID": "https://www.cognitiveatlas.org/task/id/trm_4c8991fadfe01",
    "DeviceSerialNumber": "66018",
    "DwellTime": 4.2e-06,
    "EchoTime": 0.039,
    "EffectiveEchoSpacing": 0.000929976,
    "FlipAngle": 50,
    "InstitutionAddress": "Washington Rd, Princeton, NJ 08540, USA",
    "InstitutionName": "Princeton University",
    "InstitutionalDepartmentName": "Princeton Neuroscience Institute",
    "MagneticFieldStrength": 3,
    "Manufacturer": "Siemens",
    "ManufacturersModelName": "Prisma",
    "NumberOfVolumesDiscardedByScanner": 3,
    "ParallelReductionType": "GRAPPA",
    "PartialFourier": 0.75,
    "PhaseEncodingDirection": "j-",
    "PixelBandwidth": 1240,
    "PulseSequenceDetails": "%CustomerSeq%_ep2d_bold_sms_mgh_v22",
    "PulseSequenceType": "Gradient Echo EPI",
    "ReceiveCoilActiveElements": "HC1-7;NC1,2",
    "ReceiveCoilName": "HeadNeck_64",
    "RepetitionTime": 1.5,
    "ScanOptions": "PFP_FS",
    "ScanningSequence": "EP",
    "SequenceName": "epfSM2d1_96",
    "SequenceVariant": "SK",
    "SliceTiming": [
      0.6925,
      0,
      0.79,
      0.1,
      0.8875,
      0.1975,
      0.9875,
      0.2975,
      1.085,
      0.395,
      1.185,
      0.495,
      1.2825,
      0.5925,
      1.3825,
      0.6925,
      0,
      0.79,
      0.1,
      0.8875,
      0.1975,
      0.9875,
      0.2975,
      1.085,
      0.395,
      1.185,
      0.495,
      1.2825,
      0.5925,
      1.3825,
      0.6925,
      0,
      0.79,
      0.1,
      0.8875,
      0.1975,
      0.9875,
      0.2975,
      1.085,
      0.395,
      1.185,
      0.495,
      1.2825,
      0.5925,
      1.3825,
      0.6925,
      0,
      0.79,
      0.1,
      0.8875,
      0.1975,
      0.9875,
      0.2975,
      1.085,
      0.395,
      1.185,
      0.495,
      1.2825,
      0.5925,
      1.3825
    ],
    "SoftwareVersions": "syngo_MR_D13D",
    "StationName": "AWP66018",
    "TaskDescription": "Passively listened to audio story 'shapesphysical'",
    "TaskName": "shapesphysical",
    "TotalReadoutTime": 0.0883478,
    "dataset": "ds002345",
    "modality": "bold",
    "subject_id": "208",
    "task_id": "shapesphysical"
  },
  "dummy_trs": 1,
  "dvars_nstd": 35.99133828370127,
  "dvars_std": 1.1410178436038967,
  "dvars_vstd": 1.0021348397077916,
  "efc": 0.5936203818130624,
  "fber": 303.7007141113281,
  "fd_mean": 0.1232134831583251,
  "fd_num": 30,
  "fd_perc": 9.70873786407767,
  "fwhm_avg": 2.915355,
  "fwhm_x": 2.754895,
  "fwhm_y": 3.009855,
  "fwhm_z": 2.981315,
  "gcor": 0.00949053,
  "gsr_x": -0.010477494448423386,
  "gsr_y": 0.05033430829644203,
  "provenance": {
    "md5sum": "4fa56c6ef3fabae93ca53ac866510586",
    "settings": {
      "fd_thres": 0.2,
      "testing": false
    },
    "software": "mriqc",
    "version": "22.0.0rc1",
    "webapi_port": null,
    "webapi_url": "https://mriqc.nimh.nih.gov/api/v1"
  },
  "size_t": 309,
  "size_x": 96,
  "size_y": 96,
  "size_z": 60,
  "snr": 2.177268493450378,
  "spacing_tr": 1.5,
  "spacing_x": 2.0,
  "spacing_y": 2.0,
  "spacing_z": 2.0,
  "summary_bg_k": 76.17377358699618,
  "summary_bg_mad": 8.62692050289048,
  "summary_bg_mean": 47.095603942871094,
  "summary_bg_median": 28.381877899169922,
  "summary_bg_n": 303079.0,
  "summary_bg_p05": 21.08090591430664,
  "summary_bg_p95": 132.04952392578102,
  "summary_bg_stdv": 60.709320068359375,
  "summary_fg_k": 4.197008697021051,
  "summary_fg_mad": 192.0138185960752,
  "summary_fg_mean": 555.8350830078125,
  "summary_fg_median": 509.2200927734375,
  "summary_fg_n": 160131.0,
  "summary_fg_p05": 281.5372314453125,
  "summary_fg_p95": 1002.4692993164062,
  "summary_fg_stdv": 233.8795166015625,
  "tsnr": 44.85608492419124
}