{
  "aor": 0.0205624,
  "aqi": 0.016174117966666665,
  "bids_meta": {
    "CogAtlasID": "https://www.cognitiveatlas.org/task/id/trm_4c8991fadfe01",
    "DeviceSerialNumber": "45031",
    "DwellTime": 5.4e-06,
    "EchoTime": 0.028,
    "EffectiveEchoSpacing": 0.000390001,
    "FlipAngle": 64,
    "InstitutionAddress": "Washington Rd, Princeton, NJ 08540, USA",
    "InstitutionName": "Princeton University",
    "InstitutionalDepartmentName": "Princeton Neuroscience Institute",
    "MagneticFieldStrength": 3,
    "Manufacturer": "Siemens",
    "ManufacturersModelName": "Skyra",
    "NumberOfVolumesDiscardedByScanner": 3,
    "ParallelReductionFactorInPlane": 2,
    "ParallelReductionType": "GRAPPA",
    "PartialFourier": 1,
    "PhaseEncodingDirection": "j-",
    "PixelBandwidth": 1445,
    "PulseSequenceDetails": "%SiemensSeq%_ep2d_bold",
    "PulseSequenceType": "Gradient Echo EPI",
    "ReceiveCoilActiveElements": "HE1-4",
    "ReceiveCoilName": "HeadNeck_20",
    "RepetitionTime": 1.5,
    "ScanOptions": "FS",
    "ScanningSequence": "EP",
    "SequenceName": "_epfid2d1_64",
    "SequenceVariant": "SK",
    "SliceTiming": [
      0,
      0.7775,
      0.055,
      0.8325,
      0.11,
      0.89,
      0.1675,
      0.945,
      0.2225,
      1,
      0.2775,
      1.055,
      0.3325,
      1.11,
      0.39,
      1.1675,
      0.445,
      1.2225,
      0.5,
      1.2775,
      0.555,
      1.3325,
      0.61,
      1.3875,
      0.6675,
      1.445,
      0.7225
    ],
    "SoftwareVersions": "syngo_MR_D11",
    "StationName": "AWP45031",
    "TaskDescription": "Passively listened to audio story 'pieman'",
    "TaskName": "pieman",
    "TotalReadoutTime": 0.0245701,
    "dataset": "ds002345",
    "modality": "bold",
    "subject_id": "030",
    "task_id": "pieman"
  },
  "dummy_trs": 0,
  "dvars_nstd": 21.47739696197325,
  "dvars_std": 1.3364005720401348,
  "dvars_vstd": 1.178944474247492,
  "efc": 0.5979396631884001,
  "fber": 2201.470458984375,
  "fd_mean": 0.16363020320220667,
  "fd_num": 63,
  "fd_perc": 21.0,
  "fwhm_avg": 1.8959247222222222,
  "fwhm_x": 1.9019433333333333,
  "fwhm_y": 2.114193333333333,
  "fwhm_z": 1.6716375,
  "gcor": 0.0167131,
  "gsr_x": 0.002269874792546034,
  "gsr_y": 0.024393856525421143,
  "provenance": {
    "md5sum": "8b4aefbe4aea8f8b3f47c614f77db834",
    "settings": {
      "fd_thres": 0.2,
      "testing": false
    },
    "software": "mriqc",
    "version": "21.0.0rc2",
    "webapi_port": null,
    "webapi_url": "https://mriqc.nimh.nih.gov/api/v1"
  },
  "size_t": 300,
  "size_x": 64,
  "size_y": 64,
  "size_z": 27,
  "snr": 5.98914038048583,
  "spacing_tr": 1.5,
  "spacing_x": 3.0,
  "spacing_y": 3.0,
  "spacing_z": 4.0,
  "summary_bg_k": 29.0900848743634,
  "summary_bg_mad": 9.513364706717498,
  "summary_bg_mean": 33.252384185791016,
  "summary_bg_median": 14.33666706085205,
  "summary_bg_n": 52317.0,
  "summary_bg_p05": 5.956666946411133,
  "summary_bg_p95": 115.71733398437495,
  "summary_bg_stdv": 58.720550537109375,
  "summary_fg_k": 1.5055262170048067,
  "summary_fg_mad": 109.46050188427982,
  "summary_fg_mean": 709.8550415039062,
  "summary_fg_median": 699.67333984375,
  "summary_fg_n": 29716.0,
  "summary_fg_p05": 545.9833374023438,
  "summary_fg_p95": 907.0766754150391,
  "summary_fg_stdv": 116.82170104980469,
  "tsnr": 48.18062124354765
}