{
  "aor": 0.0023602953586497892,
  "aqi": 0.007981043396624473,
  "bids_meta": {
    "CogAtlasID": "https://www.cognitiveatlas.org/task/id/trm_4c8991fadfe01",
    "DeviceSerialNumber": "45031",
    "DwellTime": 5.4e-06,
    "EchoTime": 0.028,
    "EffectiveEchoSpacing": 0.000390001,
    "FlipAngle": 64,
    "InstitutionAddress": "Washington Rd, Princeton, NJ 08540, USA",
    "InstitutionName": "Princeton University",
    "InstitutionalDepartmentName": "Princeton Neuroscience Institute",
    "MagneticFieldStrength": 3,
    "Manufacturer": "Siemens",
    "ManufacturersModelName": "Skyra",
    "NumberOfVolumesDiscardedByScanner": 3,
    "ParallelReductionFactorInPlane": 2,
    "ParallelReductionType": "GRAPPA",
    "PartialFourier": 1,
    "PhaseEncodingDirection": "j-",
    "PixelBandwidth": 1445,
    "PulseSequenceDetails": "%SiemensSeq%_ep2d_bold",
    "PulseSequenceType": "Gradient Echo EPI",
    "ReceiveCoilActiveElements": "HE1-4",
    "ReceiveCoilName": "HeadNeck_20",
    "RepetitionTime": 1.5,
    "ScanOptions": "FS",
    "ScanningSequence": "EP",
    "SequenceName": "_epfid2d1_64",
    "SequenceVariant": "SK",
    "SliceTiming": [
      0,
      0.7775,
      0.055,
      0.8325,
      0.11,
      0.8875,
      0.165,
      0.9425,
      0.22,
      0.9975,
      0.2775,
      1.055,
      0.3325,
      1.11,
      0.3875,
      1.165,
      0.4425,
      1.22,
      0.5,
      1.2775,
      0.555,
      1.3325,
      0.61,
      1.3875,
      0.665,
      1.4425,
      0.72
    ],
    "SoftwareVersions": "syngo_MR_D11",
    "StationName": "AWP45031",
    "TaskDescription": "Passively listened to audio story 'prettymouth'",
    "TaskName": "prettymouth",
    "TotalReadoutTime": 0.0245701,
    "dataset": "ds002345",
    "modality": "bold",
    "subject_id": "030",
    "task_id": "prettymouth"
  },
  "dummy_trs": 1,
  "dvars_nstd": 22.654603607420732,
  "dvars_std": 1.299786005095139,
  "dvars_vstd": 1.0250524399154333,
  "efc": 0.5986200322535777,
  "fber": 1776.985595703125,
  "fd_mean": 0.1026698216206334,
  "fd_num": 3,
  "fd_perc": 0.6329113924050633,
  "fwhm_avg": 1.760813611111111,
  "fwhm_x": 1.7319233333333335,
  "fwhm_y": 1.9480899999999999,
  "fwhm_z": 1.6024275,
  "gcor": 0.0279505,
  "gsr_x": -0.002435457194224,
  "gsr_y": 0.040694549679756165,
  "provenance": {
    "md5sum": "8a92aa1fa976e7a18e041bfe14bd8b14",
    "settings": {
      "fd_thres": 0.2,
      "testing": false
    },
    "software": "mriqc",
    "version": "21.0.0rc2",
    "webapi_port": null,
    "webapi_url": "https://mriqc.nimh.nih.gov/api/v1"
  },
  "size_t": 474,
  "size_x": 64,
  "size_y": 64,
  "size_z": 27,
  "snr": 6.5320433424003,
  "spacing_tr": 1.5,
  "spacing_x": 3.0,
  "spacing_y": 3.0,
  "spacing_z": 4.0,
  "summary_bg_k": 20.949552844778456,
  "summary_bg_mad": 11.200839641797584,
  "summary_bg_mean": 40.5344352722168,
  "summary_bg_median": 16.491559982299805,
  "summary_bg_n": 53758.0,
  "summary_bg_p05": 6.877636909484863,
  "summary_bg_p95": 152.3494590759276,
  "summary_bg_stdv": 70.41340637207031,
  "summary_fg_k": 2.2445346835491824,
  "summary_fg_mad": 103.51004928519643,
  "summary_fg_mean": 733.009033203125,
  "summary_fg_median": 722.970458984375,
  "summary_fg_n": 28985.0,
  "summary_fg_p05": 581.0413330078125,
  "summary_fg_p95": 914.4429809570312,
  "summary_fg_stdv": 110.6786880493164,
  "tsnr": 68.96907673683017
}