{
  "bids_meta": {
    "DeviceSerialNumber": "66018",
    "DwellTime": 9.8e-06,
    "EchoTime": 0.00267,
    "FlipAngle": 7,
    "InstitutionAddress": "Washington Rd, Building 25, Princeton, NJ 08540, USA",
    "InstitutionName": "Princeton University",
    "InstitutionalDepartmentName": "Princeton Neuroscience Institute",
    "InversionTime": 1.2,
    "MagneticFieldStrength": 3,
    "Manufacturer": "Siemens",
    "ManufacturersModelName": "Prisma",
    "ParallelReductionFactorInPlane": 2,
    "ParellelReductionType": "TODO",
    "PartialFourier": 1,
    "PixelBandwidth": 200,
    "PulseSequenceDetails": "%SiemensSeq%_tfl",
    "PulseSequenceType": "MPRAGE",
    "ReceiveCoilActiveElements": "HC1-7;NC1",
    "ReceiveCoilName": "HeadNeck_64",
    "RepetitionTime": 2.53,
    "ScanOptions": "IR",
    "ScanningSequence": "GR_IR",
    "SequenceName": "_tfl3d1_16",
    "SequenceVariant": "SK_SP_MP",
    "SoftwareVersions": "syngo_MR_D13D",
    "StationName": "AWP66018",
    "dataset": "ds002345",
    "modality": "T1w",
    "subject_id": "221"
  },
  "cjv": 0.3767922986938773,
  "cnr": 3.327097410459234,
  "efc": 0.5813116649089808,
  "fber": 361.92460343123213,
  "fwhm_avg": 3.7579166666666666,
  "fwhm_x": 3.629,
  "fwhm_y": 3.7799,
  "fwhm_z": 3.86485,
  "icvs_csf": 0.17685302056578653,
  "icvs_gm": 0.46318339440490397,
  "icvs_wm": 0.3599635850293095,
  "inu_med": 1.1869772672653198,
  "inu_range": 0.5369338989257812,
  "provenance": {
    "md5sum": "40fb17ced2bd1f90c111cc5ad9476620",
    "settings": {
      "testing": false
    },
    "software": "mriqc",
    "version": "22.0.0rc1",
    "warnings": {
      "large_rot_frame": true,
      "small_air_mask": false
    },
    "webapi_port": null,
    "webapi_url": "https://mriqc.nimh.nih.gov/api/v1"
  },
  "qi_1": 0.0,
  "qi_2": 0.003036904789787003,
  "rpve_csf": 35.52279760484978,
  "rpve_gm": 15.35579933081536,
  "rpve_wm": 22.3945343473285,
  "size_x": 176,
  "size_y": 256,
  "size_z": 256,
  "snr_csf": 3.2567251797921712,
  "snr_gm": 11.56744162960343,
  "snr_total": 11.057320915435094,
  "snr_wm": 18.347795936909687,
  "snrd_csf": 14.799420926414479,
  "snrd_gm": 23.257276291146358,
  "snrd_total": 23.486738832345548,
  "snrd_wm": 32.4035192794758,
  "spacing_x": 1.0,
  "spacing_y": 1.0,
  "spacing_z": 1.0,
  "summary_bg_k": 0.7164977772428465,
  "summary_bg_mad": 20.218062382011727,
  "summary_bg_mean": 38.4147270226885,
  "summary_bg_median": 36.74067376554012,
  "summary_bg_n": 2892588.0,
  "summary_bg_p05": 10.31218297407031,
  "summary_bg_p95": 72.57973590493202,
  "summary_bg_stdv": 19.416026301559015,
  "summary_csf_k": -0.9286442025056014,
  "summary_csf_mad": 115.46017442950499,
  "summary_csf_mean": 403.47475584366384,
  "summary_csf_median": 456.72263937070966,
  "summary_csf_n": 8009.0,
  "summary_csf_p05": 156.00135161429642,
  "summary_csf_p95": 571.6555814139545,
  "summary_csf_stdv": 140.2310911054609,
  "summary_gm_k": 0.3310739227213926,
  "summary_gm_mad": 59.4845471735221,
  "summary_gm_mean": 717.7165719752471,
  "summary_gm_median": 717.7392051406205,
  "summary_gm_n": 25119.0,
  "summary_gm_p05": 615.5133519534022,
  "summary_gm_p95": 819.9030725285411,
  "summary_gm_stdv": 62.04698853915878,
  "summary_wm_k": 2.36050531285833,
  "summary_wm_mad": 46.86914461284537,
  "summary_wm_mean": 1004.0301843347725,
  "summary_wm_median": 999.9999948516488,
  "summary_wm_n": 140354.0,
  "summary_wm_p05": 923.3432838747278,
  "summary_wm_p95": 1096.661213783734,
  "summary_wm_stdv": 54.50226478772439,
  "tpm_overlap_csf": 0.17219585180282593,
  "tpm_overlap_gm": 0.4577271640300751,
  "tpm_overlap_wm": 0.4891805350780487,
  "wm2max": 0.40554253654673544
}