{
  "aor": 0.002308378378378378,
  "aqi": 0.0064746886216216215,
  "bids_meta": {
    "CogAtlasID": "https://www.cognitiveatlas.org/task/id/trm_4c8991fadfe01",
    "DeviceSerialNumber": "45031",
    "DwellTime": 5.4e-06,
    "EchoTime": 0.028,
    "EffectiveEchoSpacing": 0.000390001,
    "FlipAngle": 64,
    "InstitutionAddress": "Washington Rd, Princeton, NJ 08540, USA",
    "InstitutionName": "Princeton University",
    "InstitutionalDepartmentName": "Princeton Neuroscience Institute",
    "MagneticFieldStrength": 3,
    "Manufacturer": "Siemens",
    "ManufacturersModelName": "Skyra",
    "NumberOfVolumesDiscardedByScanner": 3,
    "ParallelReductionFactorInPlane": 2,
    "ParallelReductionType": "GRAPPA",
    "PartialFourier": 1,
    "PhaseEncodingDirection": "j-",
    "PixelBandwidth": 1445,
    "PulseSequenceDetails": "%SiemensSeq%_ep2d_bold",
    "PulseSequenceType": "Gradient Echo EPI",
    "ReceiveCoilActiveElements": "HE1-4",
    "ReceiveCoilName": "HeadNeck_20",
    "RepetitionTime": 1.5,
    "ScanOptions": "FS",
    "ScanningSequence": "EP",
    "SequenceName": "_epfid2d1_64",
    "SequenceVariant": "SK",
    "SliceTiming": [
      0,
      0.7775,
      0.0575,
      0.835,
      0.1125,
      0.89,
      0.1675,
      0.945,
      0.2225,
      1,
      0.28,
      1.0575,
      0.335,
      1.1125,
      0.39,
      1.1675,
      0.445,
      1.2225,
      0.5,
      1.2775,
      0.5575,
      1.335,
      0.6125,
      1.39,
      0.6675,
      1.445,
      0.7225
    ],
    "SoftwareVersions": "syngo_MR_D11",
    "StationName": "AWP45031",
    "TaskDescription": "Passively listened to audio story 'lucy'",
    "TaskName": "lucy",
    "TotalReadoutTime": 0.0245701,
    "dataset": "ds002345",
    "modality": "bold",
    "subject_id": "073",
    "task_id": "lucy"
  },
  "dummy_trs": 0,
  "dvars_nstd": 21.62180814772359,
  "dvars_std": 1.2189572078861792,
  "dvars_vstd": 1.0287248740921406,
  "efc": 0.6093874116068162,
  "fber": 1124.9134521484375,
  "fd_mean": 0.1147821206980602,
  "fd_num": 39,
  "fd_perc": 10.54054054054054,
  "fwhm_avg": 1.7479129921754606,
  "fwhm_x": 1.7003933333333334,
  "fwhm_y": 1.9483333333333333,
  "fwhm_z": 1.5950123098597158,
  "gcor": 0.0787544,
  "gsr_x": -0.0011997270630672574,
  "gsr_y": 0.05280335992574692,
  "provenance": {
    "md5sum": "82b101dcb127cd9209d8cc61bb9ca761",
    "settings": {
      "fd_thres": 0.2,
      "testing": false
    },
    "software": "mriqc",
    "version": "21.0.0rc2",
    "webapi_port": null,
    "webapi_url": "https://mriqc.nimh.nih.gov/api/v1"
  },
  "size_t": 370,
  "size_x": 64,
  "size_y": 64,
  "size_z": 27,
  "snr": 6.511309281681241,
  "spacing_tr": 1.5,
  "spacing_x": 3.0,
  "spacing_y": 3.0,
  "spacing_z": 4.000000476837158,
  "summary_bg_k": 11.019264987900884,
  "summary_bg_mad": 16.797484297211557,
  "summary_bg_mean": 54.32029724121094,
  "summary_bg_median": 20.33513641357422,
  "summary_bg_n": 54926.0,
  "summary_bg_p05": 7.6621623039245605,
  "summary_bg_p95": 232.38716506958008,
  "summary_bg_stdv": 79.60118865966797,
  "summary_fg_k": 2.16741275196203,
  "summary_fg_mad": 103.30934056201251,
  "summary_fg_mean": 734.8110961914062,
  "summary_fg_median": 724.7946166992188,
  "summary_fg_n": 27777.0,
  "summary_fg_p05": 585.1200317382812,
  "summary_fg_p95": 921.0924804687498,
  "summary_fg_stdv": 111.31118774414062,
  "tsnr": 67.84447770053521
}