{
  "aor": 0.0011196451612903225,
  "aqi": 0.00513717664516129,
  "bids_meta": {
    "CogAtlasID": "https://www.cognitiveatlas.org/task/id/trm_4c8991fadfe01",
    "DeviceSerialNumber": "66018",
    "DwellTime": 4.2e-06,
    "EchoTime": 0.039,
    "EffectiveEchoSpacing": 0.000929976,
    "FlipAngle": 50,
    "InstitutionAddress": "Washington Rd, Princeton, NJ 08540, USA",
    "InstitutionName": "Princeton University",
    "InstitutionalDepartmentName": "Princeton Neuroscience Institute",
    "MagneticFieldStrength": 3,
    "Manufacturer": "Siemens",
    "ManufacturersModelName": "Prisma",
    "NumberOfVolumesDiscardedByScanner": 3,
    "ParallelReductionType": "GRAPPA",
    "PartialFourier": 0.75,
    "PhaseEncodingDirection": "j-",
    "PixelBandwidth": 1240,
    "PulseSequenceDetails": "%CustomerSeq%_ep2d_bold_sms_mgh_v22",
    "PulseSequenceType": "Gradient Echo EPI",
    "ReceiveCoilActiveElements": "HC1-7;NC1,2",
    "ReceiveCoilName": "HeadNeck_64",
    "RepetitionTime": 1.5,
    "ScanOptions": "PFP_FS",
    "ScanningSequence": "EP",
    "SequenceName": "epfSM2d1_96",
    "SequenceVariant": "SK",
    "SliceTiming": [
      0.6925,
      0,
      0.79,
      0.1,
      0.8875,
      0.1975,
      0.9875,
      0.2975,
      1.085,
      0.395,
      1.185,
      0.495,
      1.2825,
      0.5925,
      1.3825,
      0.6925,
      0,
      0.79,
      0.1,
      0.8875,
      0.1975,
      0.9875,
      0.2975,
      1.085,
      0.395,
      1.185,
      0.495,
      1.2825,
      0.5925,
      1.3825,
      0.6925,
      0,
      0.79,
      0.1,
      0.8875,
      0.1975,
      0.9875,
      0.2975,
      1.085,
      0.395,
      1.185,
      0.495,
      1.2825,
      0.5925,
      1.3825,
      0.6925,
      0,
      0.79,
      0.1,
      0.8875,
      0.1975,
      0.9875,
      0.2975,
      1.085,
      0.395,
      1.185,
      0.495,
      1.2825,
      0.5925,
      1.3825
    ],
    "SoftwareVersions": "syngo_MR_D13D",
    "StationName": "AWP66018",
    "TaskDescription": "Passively listened to audio story 'shapesphysical'",
    "TaskName": "shapesphysical",
    "TotalReadoutTime": 0.0883478,
    "dataset": "ds002345",
    "modality": "bold",
    "subject_id": "248",
    "task_id": "shapesphysical"
  },
  "dummy_trs": 0,
  "dvars_nstd": 38.3239908250162,
  "dvars_std": 1.1284261830744338,
  "dvars_vstd": 1.0011331482200645,
  "efc": 0.5991491382875795,
  "fber": 304.79412841796875,
  "fd_mean": 0.13384889459678145,
  "fd_num": 57,
  "fd_perc": 18.387096774193548,
  "fwhm_avg": 2.811828333333333,
  "fwhm_x": 2.585355,
  "fwhm_y": 3.04173,
  "fwhm_z": 2.8084,
  "gcor": 0.0085743,
  "gsr_x": 0.0043450770899653435,
  "gsr_y": 0.04773128777742386,
  "provenance": {
    "md5sum": "3998cf8672c5aed8d5411a8baf2b5286",
    "settings": {
      "fd_thres": 0.2,
      "testing": false
    },
    "software": "mriqc",
    "version": "22.0.0rc1",
    "webapi_port": null,
    "webapi_url": "https://mriqc.nimh.nih.gov/api/v1"
  },
  "size_t": 310,
  "size_x": 96,
  "size_y": 96,
  "size_z": 60,
  "snr": 2.425076634203592,
  "spacing_tr": 1.5,
  "spacing_x": 2.0,
  "spacing_y": 2.0,
  "spacing_z": 2.0,
  "summary_bg_k": 47.2581824282388,
  "summary_bg_mad": 7.63779321179603,
  "summary_bg_mean": 40.948509216308594,
  "summary_bg_median": 26.361289978027344,
  "summary_bg_n": 305438.0,
  "summary_bg_p05": 19.851612091064453,
  "summary_bg_p95": 109.93548583984375,
  "summary_bg_stdv": 43.65559005737305,
  "summary_fg_k": 2.4056957058289505,
  "summary_fg_mad": 173.9044713624872,
  "summary_fg_mean": 503.0925598144531,
  "summary_fg_median": 473.73870849609375,
  "summary_fg_n": 158935.0,
  "summary_fg_p05": 251.8838653564453,
  "summary_fg_p95": 858.0645141601562,
  "summary_fg_stdv": 195.34938049316406,
  "tsnr": 42.97838522493839
}