{
  "bids_meta": {
    "DeviceSerialNumber": "45031",
    "DwellTime": 8.2e-06,
    "EchoTime": 0.00308,
    "FlipAngle": 9,
    "InstitutionAddress": "Washington Rd, Princeton, NJ 08540, USA",
    "InstitutionName": "Princeton University",
    "InstitutionalDepartmentName": "Princeton Neuroscience Institute",
    "InversionTime": 0.9,
    "MagneticFieldStrength": 3,
    "Manufacturer": "Siemens",
    "ManufacturersModelName": "Skyra",
    "ParallelReductionFactorInPlane": 2,
    "ParallelReductionType": "GRAPPA",
    "PartialFourier": 1,
    "PixelBandwidth": 240,
    "PulseSequenceDetails": "%SiemensSeq%_tfl",
    "PulseSequenceType": "MPRAGE",
    "ReceiveCoilActiveElements": "HE1-4",
    "ReceiveCoilName": "HeadNeck_20",
    "RepetitionTime": 2.3,
    "ScanOptions": "IR",
    "ScanningSequence": "GR_IR",
    "SequenceName": "_tfl3d1_16ns",
    "SequenceVariant": "SK_SP_MP",
    "SoftwareVersions": "syngo_MR_D11",
    "StationName": "AWP45031",
    "dataset": "ds002345",
    "modality": "T1w",
    "subject_id": "006"
  },
  "cjv": 0.43247685603824637,
  "cnr": 2.977051430528391,
  "efc": 0.6388324907297984,
  "fber": 1031.0859002770082,
  "fwhm_avg": 3.3764384565863117,
  "fwhm_x": 3.3952819152134817,
  "fwhm_y": 3.6072610909090908,
  "fwhm_z": 3.1267723636363636,
  "icvs_csf": 0.18073457879402227,
  "icvs_gm": 0.4131867401950621,
  "icvs_wm": 0.4060786810109156,
  "inu_med": 1.4761580228805542,
  "inu_range": 0.48680222034454346,
  "provenance": {
    "md5sum": "8f14af35adb476730c22ccfa532b9bc7",
    "settings": {
      "testing": false
    },
    "software": "mriqc",
    "version": "21.0.0rc2",
    "warnings": {
      "large_rot_frame": true,
      "small_air_mask": false
    },
    "webapi_port": null,
    "webapi_url": "https://mriqc.nimh.nih.gov/api/v1"
  },
  "qi_1": 0.00020496878802781258,
  "qi_2": 0.002577322122965502,
  "rpve_csf": 21.91608974629575,
  "rpve_gm": 10.474989321816714,
  "rpve_wm": 13.095523449870047,
  "size_x": 192,
  "size_y": 256,
  "size_z": 256,
  "snr_csf": 2.798517317256999,
  "snr_gm": 8.571940405371704,
  "snr_total": 9.72844203234839,
  "snr_wm": 17.81486837441647,
  "snrd_csf": 20.640835244450543,
  "snrd_gm": 41.37495685180417,
  "snrd_total": 40.38644872560308,
  "snrd_wm": 59.14355408055453,
  "spacing_x": 0.8999989032745361,
  "spacing_y": 0.859375,
  "spacing_z": 0.859375,
  "summary_bg_k": 496.65762720672876,
  "summary_bg_mad": 11.077667958427652,
  "summary_bg_mean": 20.01524162527398,
  "summary_bg_median": 16.271862275898457,
  "summary_bg_n": 2536577.0,
  "summary_bg_p05": 2.656630575656891,
  "summary_bg_p95": 44.38786920160055,
  "summary_bg_stdv": 19.312278257509643,
  "summary_csf_k": 1.2757865193501416,
  "summary_csf_mad": 151.8871362299969,
  "summary_csf_mean": 351.1282322528448,
  "summary_csf_median": 349.01484187692404,
  "summary_csf_n": 15265.0,
  "summary_csf_p05": 169.13881331682205,
  "summary_csf_p95": 548.0960956402123,
  "summary_csf_stdv": 124.71011262730441,
  "summary_gm_k": 0.23141709381578268,
  "summary_gm_mad": 77.33853370976342,
  "summary_gm_mean": 702.6979348454273,
  "summary_gm_median": 699.6070581581444,
  "summary_gm_n": 28752.0,
  "summary_gm_p05": 571.5629990585148,
  "summary_gm_p95": 844.421097766608,
  "summary_gm_stdv": 81.61453051878684,
  "summary_wm_k": 0.7231182736328754,
  "summary_wm_mad": 52.59840860260833,
  "summary_wm_mean": 999.3766002363927,
  "summary_wm_median": 1000.0553723238409,
  "summary_wm_n": 356257.0,
  "summary_wm_p05": 906.4644910022616,
  "summary_wm_p95": 1089.3292289599776,
  "summary_wm_stdv": 56.13591679409219,
  "tpm_overlap_csf": 0.17361506819725037,
  "tpm_overlap_gm": 0.4303159713745117,
  "tpm_overlap_wm": 0.49392759799957275,
  "wm2max": 0.5031045524154253
}