{
  "bids_meta": {
    "DeviceSerialNumber": "45031",
    "DwellTime": 8.2e-06,
    "EchoTime": 0.00308,
    "FlipAngle": 9,
    "InstitutionAddress": "Washington Rd, Princeton, NJ 08540, USA",
    "InstitutionName": "Princeton University",
    "InstitutionalDepartmentName": "Princeton Neuroscience Institute",
    "InversionTime": 0.9,
    "MagneticFieldStrength": 3,
    "Manufacturer": "Siemens",
    "ManufacturersModelName": "Skyra",
    "ParallelReductionFactorInPlane": 2,
    "ParallelReductionType": "GRAPPA",
    "PartialFourier": 1,
    "PixelBandwidth": 240,
    "PulseSequenceDetails": "%SiemensSeq%_tfl",
    "PulseSequenceType": "MPRAGE",
    "ReceiveCoilActiveElements": "HE1-4",
    "ReceiveCoilName": "HeadNeck_20",
    "RepetitionTime": 2.3,
    "ScanOptions": "IR",
    "ScanningSequence": "GR_IR",
    "SequenceName": "_tfl3d1_16ns",
    "SequenceVariant": "SK_SP_MP",
    "SoftwareVersions": "syngo_MR_D13",
    "StationName": "AWP45031",
    "dataset": "ds002345",
    "modality": "T1w",
    "subject_id": "176"
  },
  "cjv": 0.4971485136223401,
  "cnr": 2.6650856164344314,
  "efc": 0.6480055292949282,
  "fber": 802.9420373871035,
  "fwhm_avg": 3.2750120371055154,
  "fwhm_x": 3.299433202225637,
  "fwhm_y": 3.433634909090909,
  "fwhm_z": 3.091968,
  "icvs_csf": 0.1747587150971175,
  "icvs_gm": 0.4441837616796105,
  "icvs_wm": 0.381057523223272,
  "inu_med": 1.5238808393478394,
  "inu_range": 0.6047958612442015,
  "provenance": {
    "md5sum": "1fac3e4b20bcf872a2519603fddc5f81",
    "settings": {
      "testing": false
    },
    "software": "mriqc",
    "version": "22.0.0rc1",
    "warnings": {
      "large_rot_frame": true,
      "small_air_mask": false
    },
    "webapi_port": null,
    "webapi_url": "https://mriqc.nimh.nih.gov/api/v1"
  },
  "qi_1": 1.803803396767945e-06,
  "qi_2": 0.004491990235378109,
  "rpve_csf": 18.83002358451319,
  "rpve_gm": 8.48978306088851,
  "rpve_wm": 11.579286697032503,
  "size_x": 192,
  "size_y": 256,
  "size_z": 256,
  "snr_csf": 2.8350672594129636,
  "snr_gm": 9.271068555912132,
  "snr_total": 8.796779975747091,
  "snr_wm": 14.284204111916177,
  "snrd_csf": 20.331826583578454,
  "snrd_gm": 34.04237037626964,
  "snrd_total": 33.944367504342864,
  "snrd_wm": 47.458905553180486,
  "spacing_x": 0.9000000357627869,
  "spacing_y": 0.859375,
  "spacing_z": 0.859375,
  "summary_bg_k": 664.5927134634283,
  "summary_bg_mad": 13.804286979410174,
  "summary_bg_mean": 23.62301854841937,
  "summary_bg_median": 21.920820258557796,
  "summary_bg_n": 3603509.0,
  "summary_bg_p05": 3.152492545545101,
  "summary_bg_p95": 50.43988072872162,
  "summary_bg_stdv": 19.100199823456446,
  "summary_csf_k": -0.6636107421831419,
  "summary_csf_mad": 177.98834589593827,
  "summary_csf_mean": 418.220046314121,
  "summary_csf_median": 428.40907418355346,
  "summary_csf_n": 22074.0,
  "summary_csf_p05": 179.5931014928967,
  "summary_csf_p95": 647.9471887797117,
  "summary_csf_stdv": 151.10730397026845,
  "summary_gm_k": 0.42941509959640856,
  "summary_gm_mad": 73.1518514735673,
  "summary_gm_mean": 718.7420823321687,
  "summary_gm_median": 717.302024781704,
  "summary_gm_n": 48186.0,
  "summary_gm_p05": 594.0615603849292,
  "summary_gm_p95": 849.4134565740824,
  "summary_gm_stdv": 77.36913791144543,
  "summary_wm_k": 0.3112654763868381,
  "summary_wm_mad": 67.39100730105754,
  "summary_wm_mean": 999.4186540334673,
  "summary_wm_median": 999.9999609589577,
  "summary_wm_n": 391697.0,
  "summary_wm_p05": 883.3577367737889,
  "summary_wm_p95": 1113.0498099178076,
  "summary_wm_stdv": 70.00730853650357,
  "tpm_overlap_csf": 0.18513701856136322,
  "tpm_overlap_gm": 0.4774462580680847,
  "tpm_overlap_wm": 0.5216597318649292,
  "wm2max": 0.4963790530950908
}