{
  "bids_meta": {
    "DeviceSerialNumber": "66018",
    "DwellTime": 9.8e-06,
    "EchoTime": 0.00267,
    "FlipAngle": 7,
    "InstitutionAddress": "Washington Rd, Building 25, Princeton, NJ 08540, USA",
    "InstitutionName": "Princeton University",
    "InstitutionalDepartmentName": "Princeton Neuroscience Institute",
    "InversionTime": 1.2,
    "MagneticFieldStrength": 3,
    "Manufacturer": "Siemens",
    "ManufacturersModelName": "Prisma",
    "ParallelReductionFactorInPlane": 2,
    "ParellelReductionType": "TODO",
    "PartialFourier": 1,
    "PixelBandwidth": 200,
    "PulseSequenceDetails": "%SiemensSeq%_tfl",
    "PulseSequenceType": "MPRAGE",
    "ReceiveCoilActiveElements": "HC1-7;NC1",
    "ReceiveCoilName": "HeadNeck_64",
    "RepetitionTime": 2.53,
    "ScanOptions": "IR",
    "ScanningSequence": "GR_IR",
    "SequenceName": "_tfl3d1_16",
    "SequenceVariant": "SK_SP_MP",
    "SoftwareVersions": "syngo_MR_D13D",
    "StationName": "AWP66018",
    "dataset": "ds002345",
    "modality": "T1w",
    "subject_id": "198"
  },
  "cjv": 0.32714210494974083,
  "cnr": 3.80005040078181,
  "efc": 0.5964529602846125,
  "fber": 2583.0708711824373,
  "fwhm_avg": 4.16262,
  "fwhm_x": 4.04469,
  "fwhm_y": 4.173,
  "fwhm_z": 4.27017,
  "icvs_csf": 0.21176010992926614,
  "icvs_gm": 0.4515651136624313,
  "icvs_wm": 0.3366747764083025,
  "inu_med": 0.6943998336791992,
  "inu_range": 0.4474609881639481,
  "provenance": {
    "md5sum": "028f6cfa3f2255002b76f4cd37a08424",
    "settings": {
      "testing": false
    },
    "software": "mriqc",
    "version": "22.0.6",
    "warnings": {
      "large_rot_frame": true,
      "small_air_mask": false
    },
    "webapi_port": null,
    "webapi_url": "https://mriqc.nimh.nih.gov/api/v1"
  },
  "qi_1": 3.243062347873638e-05,
  "qi_2": 0.0020358202939157765,
  "rpve_csf": 18.605007381989896,
  "rpve_gm": 9.242091637270633,
  "rpve_wm": 13.798695754560331,
  "size_x": 176,
  "size_y": 256,
  "size_z": 256,
  "snr_csf": 1.7895800262721606,
  "snr_gm": 11.433987896187036,
  "snr_total": 10.332946315286373,
  "snr_wm": 17.77527102339992,
  "snrd_csf": 7.82038514987029,
  "snrd_gm": 28.549388730579615,
  "snrd_total": 26.124987852187513,
  "snrd_wm": 42.00518967611262,
  "spacing_x": 1.0,
  "spacing_y": 1.0,
  "spacing_z": 1.0,
  "summary_bg_k": 12.802717130494763,
  "summary_bg_mad": 15.597256730120442,
  "summary_bg_mean": 17.246359917988432,
  "summary_bg_median": 10.520189795643091,
  "summary_bg_n": 2663302.0,
  "summary_bg_p05": 0.0,
  "summary_bg_p95": 54.8392872326076,
  "summary_bg_stdv": 20.19730751166215,
  "summary_csf_k": 2.1427738513312677,
  "summary_csf_mad": 78.84911061865142,
  "summary_csf_mean": 208.67086157250614,
  "summary_csf_median": 186.1849760003388,
  "summary_csf_n": 49556.0,
  "summary_csf_p05": 81.520279224962,
  "summary_csf_p95": 427.56737335398793,
  "summary_csf_stdv": 104.03731307148077,
  "summary_gm_k": 0.25091593885523267,
  "summary_gm_mad": 58.141263385470246,
  "summary_gm_mean": 678.6749771140181,
  "summary_gm_median": 679.6937943287194,
  "summary_gm_n": 44310.0,
  "summary_gm_p05": 579.5057740621269,
  "summary_gm_p95": 774.0419900896026,
  "summary_gm_stdv": 59.444362780540125,
  "summary_wm_k": 2.5212562268961562,
  "summary_wm_mad": 46.65902757989222,
  "summary_wm_mean": 1001.0851008396826,
  "summary_wm_median": 1000.0447652973235,
  "summary_wm_n": 232780.0,
  "summary_wm_p05": 911.6751710139215,
  "summary_wm_p95": 1091.5032663717866,
  "summary_wm_stdv": 56.26033020433392,
  "tpm_overlap_csf": 0.16239560494702657,
  "tpm_overlap_gm": 0.4579805996786126,
  "tpm_overlap_wm": 0.48157281595143925,
  "wm2max": 0.46022944618619227
}