{
  "aor": 0.0010269805194805196,
  "aqi": 0.012096099675324675,
  "bids_meta": {
    "CogAtlasID": "https://www.cognitiveatlas.org/task/id/trm_4c8991fadfe01",
    "DeviceSerialNumber": "45031",
    "DwellTime": 4.9e-06,
    "EchoTime": 0.028,
    "EffectiveEchoSpacing": 0.000355001,
    "FlipAngle": 64,
    "InstitutionAddress": "Washington Rd, Princeton, NJ 08540, USA",
    "InstitutionName": "Princeton University",
    "InstitutionalDepartmentName": "Princeton Neuroscience Institute",
    "MagneticFieldStrength": 3,
    "Manufacturer": "Siemens",
    "ManufacturersModelName": "Skyra",
    "NumberOfVolumesDiscardedByScanner": 3,
    "ParallelReductionFactorInPlane": 2,
    "ParallelReductionType": "GRAPPA",
    "PartialFourier": 1,
    "PhaseEncodingDirection": "j-",
    "PixelBandwidth": 1595,
    "PulseSequenceDetails": "%SiemensSeq%_ep2d_bold",
    "PulseSequenceType": "Gradient Echo EPI",
    "ReceiveCoilActiveElements": "HE1-4",
    "ReceiveCoilName": "HeadNeck_20",
    "RepetitionTime": 1.5,
    "ScanOptions": "FS",
    "ScanningSequence": "EP",
    "SequenceName": "_epfid2d1_64",
    "SequenceVariant": "SK",
    "SliceTiming": [
      0,
      0.7675,
      0.055,
      0.8225,
      0.1075,
      0.875,
      0.1625,
      0.93,
      0.2175,
      0.985,
      0.2725,
      1.04,
      0.3275,
      1.095,
      0.3825,
      1.15,
      0.4375,
      1.205,
      0.4925,
      1.26,
      0.5475,
      1.315,
      0.6025,
      1.37,
      0.6575,
      1.425,
      0.7125
    ],
    "SoftwareVersions": "syngo_MR_D13",
    "StationName": "AWP45031",
    "TaskDescription": "Passively listened to audio story 'merlin'",
    "TaskName": "merlin",
    "TotalReadoutTime": 0.022365,
    "dataset": "ds002345",
    "modality": "bold",
    "subject_id": "160",
    "task_id": "merlin"
  },
  "dummy_trs": 0,
  "dvars_nstd": 21.21830857736586,
  "dvars_std": 1.1560849167479672,
  "dvars_vstd": 0.9820714146666671,
  "efc": 0.5705147150250627,
  "fber": 1836.1546630859375,
  "fd_mean": 0.08683685213083771,
  "fd_num": 12,
  "fd_perc": 1.948051948051948,
  "fwhm_avg": 1.7187307887021737,
  "fwhm_x": 1.684769866106521,
  "fwhm_y": 1.96483,
  "fwhm_z": 1.5065925,
  "gcor": 0.00611217,
  "gsr_x": 0.0016314490931108594,
  "gsr_y": 0.03779083490371704,
  "provenance": {
    "md5sum": "5309a4a14611daac6386ffe6e5ce401d",
    "settings": {
      "fd_thres": 0.2,
      "testing": false
    },
    "software": "mriqc",
    "version": "22.0.0rc1",
    "webapi_port": null,
    "webapi_url": "https://mriqc.nimh.nih.gov/api/v1"
  },
  "size_t": 616,
  "size_x": 64,
  "size_y": 64,
  "size_z": 27,
  "snr": 7.313991340637297,
  "spacing_tr": 1.5,
  "spacing_x": 3.000000238418579,
  "spacing_y": 3.0,
  "spacing_z": 4.0,
  "summary_bg_k": 21.265981657271784,
  "summary_bg_mad": 10.084584006481757,
  "summary_bg_mean": 37.76002883911133,
  "summary_bg_median": 15.116883277893066,
  "summary_bg_n": 58028.0,
  "summary_bg_p05": 7.114204597473145,
  "summary_bg_p95": 151.57475891113245,
  "summary_bg_stdv": 63.7743034362793,
  "summary_fg_k": 3.6177388308556937,
  "summary_fg_mad": 80.01717467829029,
  "summary_fg_mean": 677.0733642578125,
  "summary_fg_median": 670.31005859375,
  "summary_fg_n": 24747.0,
  "summary_fg_p05": 555.9142700195313,
  "summary_fg_p95": 823.7968994140624,
  "summary_fg_stdv": 91.64579010009766,
  "tsnr": 62.84269289521035
}