{
  "aor": 0.0015691988950276242,
  "aqi": 0.017789950856353588,
  "bids_meta": {
    "CogAtlasID": "https://www.cognitiveatlas.org/task/id/trm_4c8991fadfe01",
    "DeviceSerialNumber": "45031",
    "DwellTime": 4.9e-06,
    "EchoTime": 0.028,
    "EffectiveEchoSpacing": 0.000355001,
    "FlipAngle": 64,
    "InstitutionAddress": "Washington Rd, Princeton, NJ 08540, USA",
    "InstitutionName": "Princeton University",
    "InstitutionalDepartmentName": "Princeton Neuroscience Institute",
    "MagneticFieldStrength": 3,
    "Manufacturer": "Siemens",
    "ManufacturersModelName": "Skyra",
    "NumberOfVolumesDiscardedByScanner": 3,
    "ParallelReductionFactorInPlane": 2,
    "ParallelReductionType": "GRAPPA",
    "PartialFourier": 1,
    "PhaseEncodingDirection": "j-",
    "PixelBandwidth": 1595,
    "PulseSequenceDetails": "%SiemensSeq%_ep2d_bold",
    "PulseSequenceType": "Gradient Echo EPI",
    "ReceiveCoilActiveElements": "HE1-4",
    "ReceiveCoilName": "HeadNeck_20",
    "RepetitionTime": 1.5,
    "ScanOptions": "FS",
    "ScanningSequence": "EP",
    "SequenceName": "_epfid2d1_64",
    "SequenceVariant": "SK",
    "SliceTiming": [
      0,
      0.7675,
      0.055,
      0.8225,
      0.1075,
      0.875,
      0.1625,
      0.93,
      0.2175,
      0.985,
      0.2725,
      1.04,
      0.3275,
      1.095,
      0.3825,
      1.15,
      0.4375,
      1.205,
      0.4925,
      1.26,
      0.5475,
      1.315,
      0.6025,
      1.37,
      0.6575,
      1.425,
      0.7125
    ],
    "SoftwareVersions": "syngo_MR_D13",
    "StationName": "AWP45031",
    "TaskDescription": "Passively listened to audio story 'sherlock'",
    "TaskName": "sherlock",
    "TotalReadoutTime": 0.022365,
    "dataset": "ds002345",
    "modality": "bold",
    "subject_id": "151",
    "task_id": "sherlock"
  },
  "dummy_trs": 0,
  "dvars_nstd": 21.875710815809125,
  "dvars_std": 1.116311575352698,
  "dvars_vstd": 0.996216061383126,
  "efc": 0.6588455585099786,
  "fber": 485.4488220214844,
  "fd_mean": 0.19611197686434378,
  "fd_num": 282,
  "fd_perc": 38.950276243093924,
  "fwhm_avg": 1.7851663888888887,
  "fwhm_x": 1.7616433333333334,
  "fwhm_y": 2.0439633333333336,
  "fwhm_z": 1.5498925,
  "gcor": 0.0353273,
  "gsr_x": 0.003005403093993664,
  "gsr_y": 0.04254498332738876,
  "provenance": {
    "md5sum": "2a939f1a41e57607938ff17f72e67b23",
    "settings": {
      "fd_thres": 0.2,
      "testing": false
    },
    "software": "mriqc",
    "version": "22.0.0rc1",
    "webapi_port": null,
    "webapi_url": "https://mriqc.nimh.nih.gov/api/v1"
  },
  "size_t": 724,
  "size_x": 64,
  "size_y": 64,
  "size_z": 27,
  "snr": 6.671852200252061,
  "spacing_tr": 1.5,
  "spacing_x": 3.0,
  "spacing_y": 3.0,
  "spacing_z": 4.0,
  "summary_bg_k": 10.679783018898483,
  "summary_bg_mad": 26.917218346372195,
  "summary_bg_mean": 62.28816604614258,
  "summary_bg_median": 30.039365768432617,
  "summary_bg_n": 48636.0,
  "summary_bg_p05": 8.433701515197754,
  "summary_bg_p95": 269.36844635009766,
  "summary_bg_stdv": 88.80280303955078,
  "summary_fg_k": 4.053093030377214,
  "summary_fg_mad": 85.60077733878592,
  "summary_fg_mean": 713.4661254882812,
  "summary_fg_median": 700.3722534179688,
  "summary_fg_n": 32996.0,
  "summary_fg_p05": 583.7911224365234,
  "summary_fg_p95": 887.6941070556641,
  "summary_fg_stdv": 104.97259521484375,
  "tsnr": 50.13450433476828
}