{
  "aor": 0.0007046732026143791,
  "aqi": 0.034735853758169934,
  "bids_meta": {
    "CogAtlasID": "https://www.cognitiveatlas.org/task/id/trm_4c8991fadfe01",
    "DeviceSerialNumber": "45031",
    "DwellTime": 4.9e-06,
    "EchoTime": 0.028,
    "EffectiveEchoSpacing": 0.000355001,
    "FlipAngle": 64,
    "InstitutionAddress": "Washington Rd, Princeton, NJ 08540, USA",
    "InstitutionName": "Princeton University",
    "InstitutionalDepartmentName": "Princeton Neuroscience Institute",
    "MagneticFieldStrength": 3,
    "Manufacturer": "Siemens",
    "ManufacturersModelName": "Skyra",
    "NumberOfVolumesDiscardedByScanner": 3,
    "ParallelReductionFactorInPlane": 2,
    "ParallelReductionType": "GRAPPA",
    "PartialFourier": 1,
    "PhaseEncodingDirection": "j-",
    "PixelBandwidth": 1595,
    "PulseSequenceDetails": "%SiemensSeq%_ep2d_bold",
    "PulseSequenceType": "Gradient Echo EPI",
    "ReceiveCoilActiveElements": "HE1-4",
    "ReceiveCoilName": "HeadNeck_20",
    "RepetitionTime": 1.5,
    "ScanOptions": "FS",
    "ScanningSequence": "EP",
    "SequenceName": "_epfid2d1_64",
    "SequenceVariant": "SK",
    "SliceTiming": [
      0,
      0.7675,
      0.055,
      0.8225,
      0.1075,
      0.875,
      0.1625,
      0.93,
      0.2175,
      0.985,
      0.2725,
      1.04,
      0.3275,
      1.095,
      0.3825,
      1.15,
      0.4375,
      1.205,
      0.4925,
      1.26,
      0.5475,
      1.315,
      0.6025,
      1.37,
      0.6575,
      1.425,
      0.7125
    ],
    "SoftwareVersions": "syngo_MR_D13",
    "StationName": "AWP45031",
    "TaskDescription": "Passively listened to audio story 'merlin'",
    "TaskName": "merlin",
    "TotalReadoutTime": 0.022365,
    "dataset": "ds002345",
    "modality": "bold",
    "subject_id": "151",
    "task_id": "merlin"
  },
  "dummy_trs": 1,
  "dvars_nstd": 21.536336889410823,
  "dvars_std": 1.0097743263011452,
  "dvars_vstd": 0.9063689265793794,
  "efc": 0.658655285269601,
  "fber": 457.964599609375,
  "fd_mean": 0.1924763058555892,
  "fd_num": 228,
  "fd_perc": 37.254901960784316,
  "fwhm_avg": 1.8131702777777778,
  "fwhm_x": 1.8015433333333333,
  "fwhm_y": 2.07442,
  "fwhm_z": 1.5635475,
  "gcor": 0.00793943,
  "gsr_x": -0.00048757417243905365,
  "gsr_y": 0.044012170284986496,
  "provenance": {
    "md5sum": "d79b7c78384e7e3bee871da64c0669a5",
    "settings": {
      "fd_thres": 0.2,
      "testing": false
    },
    "software": "mriqc",
    "version": "22.0.0rc1",
    "webapi_port": null,
    "webapi_url": "https://mriqc.nimh.nih.gov/api/v1"
  },
  "size_t": 612,
  "size_x": 64,
  "size_y": 64,
  "size_z": 27,
  "snr": 6.7438025647191155,
  "spacing_tr": 1.5,
  "spacing_x": 3.0,
  "spacing_y": 3.0,
  "spacing_z": 4.0,
  "summary_bg_k": 11.08056239154837,
  "summary_bg_mad": 27.517776479024093,
  "summary_bg_mean": 62.083587646484375,
  "summary_bg_median": 31.104576110839844,
  "summary_bg_n": 48969.0,
  "summary_bg_p05": 9.071895599365234,
  "summary_bg_p95": 262.6235351562498,
  "summary_bg_stdv": 86.21324157714844,
  "summary_fg_k": 3.7542185755768536,
  "summary_fg_mad": 86.9853779580092,
  "summary_fg_mean": 719.0701293945312,
  "summary_fg_median": 705.24267578125,
  "summary_fg_n": 32874.0,
  "summary_fg_p05": 589.3499816894531,
  "summary_fg_p95": 895.4821990966797,
  "summary_fg_stdv": 104.57482147216797,
  "tsnr": 39.34077091398649
}