{
  "aor": 0.0003718,
  "aqi": 0.005436434833333333,
  "bids_meta": {
    "CogAtlasID": "https://www.cognitiveatlas.org/task/id/trm_4c8991fadfe01",
    "DeviceSerialNumber": "45031",
    "DwellTime": 5.4e-06,
    "EchoTime": 0.028,
    "EffectiveEchoSpacing": 0.000390001,
    "FlipAngle": 64,
    "InstitutionAddress": "Washington Rd, Princeton, NJ 08540, USA",
    "InstitutionName": "Princeton University",
    "InstitutionalDepartmentName": "Princeton Neuroscience Institute",
    "MagneticFieldStrength": 3,
    "Manufacturer": "Siemens",
    "ManufacturersModelName": "Skyra",
    "NumberOfVolumesDiscardedByScanner": 3,
    "ParallelReductionFactorInPlane": 2,
    "ParallelReductionType": "GRAPPA",
    "PartialFourier": 1,
    "PhaseEncodingDirection": "j-",
    "PixelBandwidth": 1445,
    "PulseSequenceDetails": "%SiemensSeq%_ep2d_bold",
    "PulseSequenceType": "Gradient Echo EPI",
    "ReceiveCoilActiveElements": "HE1-4",
    "ReceiveCoilName": "HeadNeck_20",
    "RepetitionTime": 1.5,
    "ScanOptions": "FS",
    "ScanningSequence": "EP",
    "SequenceName": "_epfid2d1_64",
    "SequenceVariant": "SK",
    "SliceTiming": [
      0,
      0.7775,
      0.055,
      0.8325,
      0.11,
      0.89,
      0.1675,
      0.945,
      0.2225,
      1,
      0.2775,
      1.055,
      0.3325,
      1.11,
      0.39,
      1.1675,
      0.445,
      1.2225,
      0.5,
      1.2775,
      0.555,
      1.3325,
      0.61,
      1.3875,
      0.6675,
      1.445,
      0.7225
    ],
    "SoftwareVersions": "syngo_MR_D11",
    "StationName": "AWP45031",
    "TaskDescription": "Passively listened to audio story 'pieman'",
    "TaskName": "pieman",
    "TotalReadoutTime": 0.0245701,
    "dataset": "ds002345",
    "modality": "bold",
    "subject_id": "043",
    "task_id": "pieman"
  },
  "dummy_trs": 0,
  "dvars_nstd": 23.48380095204013,
  "dvars_std": 1.3196607369565216,
  "dvars_vstd": 0.9905487319063545,
  "efc": 0.5715099515355297,
  "fber": 1995.890625,
  "fd_mean": 0.06958521809022605,
  "fd_num": 0,
  "fd_perc": 0.0,
  "fwhm_avg": 1.8350144444444447,
  "fwhm_x": 1.8395566666666667,
  "fwhm_y": 1.9857366666666667,
  "fwhm_z": 1.67975,
  "gcor": 0.0320371,
  "gsr_x": -0.004836970008909702,
  "gsr_y": 0.02270670421421528,
  "provenance": {
    "md5sum": "33f2f9ed2cc42ff05881bc22f9dc912f",
    "settings": {
      "fd_thres": 0.2,
      "testing": false
    },
    "software": "mriqc",
    "version": "21.0.0rc2",
    "webapi_port": null,
    "webapi_url": "https://mriqc.nimh.nih.gov/api/v1"
  },
  "size_t": 300,
  "size_x": 64,
  "size_y": 64,
  "size_z": 27,
  "snr": 7.623413299399538,
  "spacing_tr": 1.5,
  "spacing_x": 3.0,
  "spacing_y": 3.0,
  "spacing_z": 4.0,
  "summary_bg_k": 16.911816349980665,
  "summary_bg_mad": 10.729098073437802,
  "summary_bg_mean": 38.5699348449707,
  "summary_bg_median": 15.970000267028809,
  "summary_bg_n": 57558.0,
  "summary_bg_p05": 7.193333625793457,
  "summary_bg_p95": 150.24550552368143,
  "summary_bg_stdv": 58.46369171142578,
  "summary_fg_k": 1.8555429502674725,
  "summary_fg_mad": 92.71453516369931,
  "summary_fg_mean": 758.8568115234375,
  "summary_fg_median": 752.8833618164062,
  "summary_fg_n": 25198.0,
  "summary_fg_p05": 616.0895233154297,
  "summary_fg_p95": 920.4460083007812,
  "summary_fg_stdv": 98.75739288330078,
  "tsnr": 86.6678484287113
}