{
  "aor": 0.0004308291873963515,
  "aqi": 0.016858960804311776,
  "bids_meta": {
    "CogAtlasID": "https://www.cognitiveatlas.org/task/id/trm_4c8991fadfe01",
    "DeviceSerialNumber": "45031",
    "DwellTime": 5.4e-06,
    "EchoTime": 0.028,
    "EffectiveEchoSpacing": 0.000390001,
    "FlipAngle": 64,
    "InstitutionAddress": "Washington Rd, Princeton, NJ 08540, USA",
    "InstitutionName": "Princeton University",
    "InstitutionalDepartmentName": "Princeton Neuroscience Institute",
    "MagneticFieldStrength": 3,
    "Manufacturer": "Siemens",
    "ManufacturersModelName": "Skyra",
    "NumberOfVolumesDiscardedByScanner": 3,
    "ParallelReductionFactorInPlane": 2,
    "ParallelReductionType": "GRAPPA",
    "PartialFourier": 1,
    "PhaseEncodingDirection": "j-",
    "PixelBandwidth": 1445,
    "PulseSequenceDetails": "%SiemensSeq%_ep2d_bold",
    "PulseSequenceType": "Gradient Echo EPI",
    "ReceiveCoilActiveElements": "HE1-4",
    "ReceiveCoilName": "HeadNeck_20",
    "RepetitionTime": 1.5,
    "ScanOptions": "FS",
    "ScanningSequence": "EP",
    "SequenceName": "_epfid2d1_64",
    "SequenceVariant": "SK",
    "SliceTiming": [
      0,
      0.7775,
      0.055,
      0.8325,
      0.11,
      0.8875,
      0.1675,
      0.945,
      0.2225,
      1,
      0.2775,
      1.055,
      0.3325,
      1.11,
      0.3875,
      1.165,
      0.445,
      1.2225,
      0.5,
      1.2775,
      0.555,
      1.3325,
      0.61,
      1.3875,
      0.6675,
      1.445,
      0.7225
    ],
    "SoftwareVersions": "syngo_MR_D11",
    "StationName": "AWP45031",
    "TaskDescription": "Passively listened to audio story 'slumlordreach'",
    "TaskName": "slumlordreach",
    "TotalReadoutTime": 0.0245701,
    "dataset": "ds002345",
    "modality": "bold",
    "subject_id": "145",
    "task_id": "slumlordreach"
  },
  "dummy_trs": 0,
  "dvars_nstd": 26.440375009136954,
  "dvars_std": 1.2661068859585058,
  "dvars_vstd": 0.9421413062987533,
  "efc": 0.6818632474310801,
  "fber": 760.8798828125,
  "fd_mean": 0.11175657189300969,
  "fd_num": 58,
  "fd_perc": 4.8092868988391375,
  "fwhm_avg": 1.8055235058305985,
  "fwhm_x": 1.76487,
  "fwhm_y": 2.0255798390213777,
  "fwhm_z": 1.6261206784704179,
  "gcor": 0.0919424,
  "gsr_x": -0.014534519985318184,
  "gsr_y": 0.07092965394258499,
  "provenance": {
    "md5sum": "327f5b4cdd1a0200ebc5cf28f7c9e48c",
    "settings": {
      "fd_thres": 0.2,
      "testing": false
    },
    "software": "mriqc",
    "version": "22.0.0rc1",
    "webapi_port": null,
    "webapi_url": "https://mriqc.nimh.nih.gov/api/v1"
  },
  "size_t": 1206,
  "size_x": 64,
  "size_y": 64,
  "size_z": 27,
  "snr": 7.151166146835576,
  "spacing_tr": 1.5,
  "spacing_x": 3.0,
  "spacing_y": 3.000000238418579,
  "spacing_z": 3.9999983310699463,
  "summary_bg_k": 8.919579582401605,
  "summary_bg_mad": 21.32931030052028,
  "summary_bg_mean": 69.66641235351562,
  "summary_bg_median": 24.383499145507812,
  "summary_bg_n": 44932.0,
  "summary_bg_p05": 8.274087858200073,
  "summary_bg_p95": 293.01492767333974,
  "summary_bg_stdv": 99.99226379394531,
  "summary_fg_k": 2.522675889636168,
  "summary_fg_mad": 95.11150225750336,
  "summary_fg_mean": 749.9346313476562,
  "summary_fg_median": 739.62353515625,
  "summary_fg_n": 35971.0,
  "summary_fg_p05": 610.2164306640625,
  "summary_fg_p95": 925.6811828613281,
  "summary_fg_stdv": 103.42554473876953,
  "tsnr": 50.5812147911638
}