{
  "bids_meta": {
    "DeviceSerialNumber": "45031",
    "DwellTime": 8.2e-06,
    "EchoTime": 0.00308,
    "FlipAngle": 9,
    "InstitutionAddress": "Washington Rd, Princeton, NJ 08540, USA",
    "InstitutionName": "Princeton University",
    "InstitutionalDepartmentName": "Princeton Neuroscience Institute",
    "InversionTime": 0.9,
    "MagneticFieldStrength": 3,
    "Manufacturer": "Siemens",
    "ManufacturersModelName": "Skyra",
    "ParallelReductionFactorInPlane": 2,
    "ParallelReductionType": "GRAPPA",
    "PartialFourier": 1,
    "PixelBandwidth": 240,
    "PulseSequenceDetails": "%SiemensSeq%_tfl",
    "PulseSequenceType": "MPRAGE",
    "ReceiveCoilActiveElements": "HE1-4",
    "ReceiveCoilName": "HeadNeck_20",
    "RepetitionTime": 2.3,
    "ScanOptions": "IR",
    "ScanningSequence": "GR_IR",
    "SequenceName": "_tfl3d1_16ns",
    "SequenceVariant": "SK_SP_MP",
    "SoftwareVersions": "syngo_MR_D11",
    "StationName": "AWP45031",
    "dataset": "ds002345",
    "modality": "T1w",
    "subject_id": "137"
  },
  "cjv": 0.4719208297770059,
  "cnr": 2.77941424813643,
  "efc": 0.6749222297622569,
  "fber": 818.2993572249354,
  "fwhm_avg": 3.3529368579794063,
  "fwhm_x": 3.350388755756401,
  "fwhm_y": 3.5170792727272726,
  "fwhm_z": 3.1913425454545457,
  "icvs_csf": 0.1872395951206743,
  "icvs_gm": 0.4375667854233178,
  "icvs_wm": 0.37519361945600793,
  "inu_med": 1.4038209915161133,
  "inu_range": 0.5728176116943358,
  "provenance": {
    "md5sum": "054aaad11190ce4126059e9e82bba507",
    "settings": {
      "testing": false
    },
    "software": "mriqc",
    "version": "22.0.0rc1",
    "warnings": {
      "large_rot_frame": true,
      "small_air_mask": false
    },
    "webapi_port": null,
    "webapi_url": "https://mriqc.nimh.nih.gov/api/v1"
  },
  "qi_1": 0.0007003658832436635,
  "qi_2": 0.002968833346193596,
  "rpve_csf": 12.802294125094116,
  "rpve_gm": 6.006058213702834,
  "rpve_wm": 8.27993880437296,
  "size_x": 192,
  "size_y": 248,
  "size_z": 164,
  "snr_csf": 2.722407232351206,
  "snr_gm": 9.191297714008453,
  "snr_total": 8.987134753678207,
  "snr_wm": 15.047699314674963,
  "snrd_csf": 18.188344253266997,
  "snrd_gm": 33.90514080071637,
  "snrd_total": 33.24398098513653,
  "snrd_wm": 47.63845790142623,
  "spacing_x": 0.9000000357627869,
  "spacing_y": 0.859375,
  "spacing_z": 0.859375,
  "summary_bg_k": 320.0094956970698,
  "summary_bg_mad": 13.752258624302957,
  "summary_bg_mean": 24.918757034715956,
  "summary_bg_median": 21.64343412965536,
  "summary_bg_n": 1894094.0,
  "summary_bg_p05": 3.0919191613793373,
  "summary_bg_p95": 55.54973408579826,
  "summary_bg_stdv": 18.596434134328373,
  "summary_csf_k": 4.1314139062524555,
  "summary_csf_mad": 157.99558142666703,
  "summary_csf_mean": 385.9647414727473,
  "summary_csf_median": 381.79961102083325,
  "summary_csf_n": 19254.0,
  "summary_csf_p05": 177.79321259073913,
  "summary_csf_p95": 610.140461359173,
  "summary_csf_stdv": 140.23974501036264,
  "summary_gm_k": 0.3302200437930827,
  "summary_gm_mad": 72.64611194193935,
  "summary_gm_mean": 714.5522717517802,
  "summary_gm_median": 711.7178666219115,
  "summary_gm_n": 30621.0,
  "summary_gm_p05": 590.818586871028,
  "summary_gm_p95": 848.2863638177514,
  "summary_gm_stdv": 77.43261803400011,
  "summary_wm_k": 0.40096597463790573,
  "summary_wm_mad": 63.40024314932889,
  "summary_wm_mean": 1000.6017754417012,
  "summary_wm_median": 1000.0000243633986,
  "summary_wm_n": 314531.0,
  "summary_wm_p05": 892.2545024007559,
  "summary_wm_p95": 1110.4706276208162,
  "summary_wm_stdv": 66.45523769327589,
  "tpm_overlap_csf": 0.1856934130191803,
  "tpm_overlap_gm": 0.4552764892578125,
  "tpm_overlap_wm": 0.5180711150169373,
  "wm2max": 0.5196481577299094
}