{
  "aor": 0.0005195986622073579,
  "aqi": 0.005767494515050167,
  "bids_meta": {
    "CogAtlasID": "https://www.cognitiveatlas.org/task/id/trm_4c8991fadfe01",
    "DeviceSerialNumber": "45031",
    "DwellTime": 5.4e-06,
    "EchoTime": 0.028,
    "EffectiveEchoSpacing": 0.000390001,
    "FlipAngle": 64,
    "InstitutionAddress": "Washington Rd, Princeton, NJ 08540, USA",
    "InstitutionName": "Princeton University",
    "InstitutionalDepartmentName": "Princeton Neuroscience Institute",
    "MagneticFieldStrength": 3,
    "Manufacturer": "Siemens",
    "ManufacturersModelName": "Skyra",
    "NumberOfVolumesDiscardedByScanner": 3,
    "ParallelReductionFactorInPlane": 2,
    "ParallelReductionType": "GRAPPA",
    "PartialFourier": 1,
    "PhaseEncodingDirection": "j-",
    "PixelBandwidth": 1445,
    "PulseSequenceDetails": "%SiemensSeq%_ep2d_bold",
    "PulseSequenceType": "Gradient Echo EPI",
    "ReceiveCoilActiveElements": "HE1-4",
    "ReceiveCoilName": "HeadNeck_20",
    "RepetitionTime": 1.5,
    "ScanOptions": "FS",
    "ScanningSequence": "EP",
    "SequenceName": "_epfid2d1_64",
    "SequenceVariant": "SK",
    "SliceTiming": [
      0,
      0.7775,
      0.055,
      0.8325,
      0.11,
      0.89,
      0.1675,
      0.945,
      0.2225,
      1,
      0.2775,
      1.055,
      0.3325,
      1.11,
      0.39,
      1.1675,
      0.445,
      1.2225,
      0.5,
      1.2775,
      0.555,
      1.3325,
      0.61,
      1.3875,
      0.6675,
      1.445,
      0.7225
    ],
    "SoftwareVersions": "syngo_MR_D11",
    "StationName": "AWP45031",
    "TaskDescription": "Passively listened to audio story 'pieman'",
    "TaskName": "pieman",
    "TotalReadoutTime": 0.0245701,
    "dataset": "ds002345",
    "modality": "bold",
    "subject_id": "028",
    "task_id": "pieman"
  },
  "dummy_trs": 1,
  "dvars_nstd": 18.69639834486577,
  "dvars_std": 1.1611683163087247,
  "dvars_vstd": 0.9757394118456377,
  "efc": 0.6085171485834676,
  "fber": 1080.96435546875,
  "fd_mean": 0.07617257125538109,
  "fd_num": 2,
  "fd_perc": 0.6688963210702341,
  "fwhm_avg": 1.8781852777777779,
  "fwhm_x": 1.8777,
  "fwhm_y": 2.1197333333333335,
  "fwhm_z": 1.6371225,
  "gcor": 0.0226045,
  "gsr_x": 0.007883520796895027,
  "gsr_y": 0.02021164260804653,
  "provenance": {
    "md5sum": "a6fb6bfa97b64d12d6947de0cbc80593",
    "settings": {
      "fd_thres": 0.2,
      "testing": false
    },
    "software": "mriqc",
    "version": "21.0.0rc2",
    "webapi_port": null,
    "webapi_url": "https://mriqc.nimh.nih.gov/api/v1"
  },
  "size_t": 299,
  "size_x": 64,
  "size_y": 64,
  "size_z": 27,
  "snr": 7.0380628204192925,
  "spacing_tr": 1.5,
  "spacing_x": 3.0,
  "spacing_y": 3.0,
  "spacing_z": 4.0,
  "summary_bg_k": 11.474713822803352,
  "summary_bg_mad": 19.244077143145272,
  "summary_bg_mean": 57.514469146728516,
  "summary_bg_median": 21.498327255249023,
  "summary_bg_n": 54714.0,
  "summary_bg_p05": 6.7424750328063965,
  "summary_bg_p95": 236.04565048217765,
  "summary_bg_stdv": 84.46308898925781,
  "summary_fg_k": 3.5617364852363815,
  "summary_fg_mad": 93.33697653088623,
  "summary_fg_mean": 766.037841796875,
  "summary_fg_median": 764.3594970703125,
  "summary_fg_n": 26650.0,
  "summary_fg_p05": 606.7503204345703,
  "summary_fg_p95": 934.5777404785156,
  "summary_fg_stdv": 108.60163879394531,
  "tsnr": 75.97329286043532
}