{
  "aor": 0.0007377955271565494,
  "aqi": 0.003059018019169329,
  "bids_meta": {
    "CogAtlasID": "https://www.cognitiveatlas.org/task/id/trm_4c8991fadfe01",
    "DeviceSerialNumber": "66018",
    "DwellTime": 4.2e-06,
    "EchoTime": 0.039,
    "EffectiveEchoSpacing": 0.000929976,
    "FlipAngle": 50,
    "InstitutionAddress": "Washington Rd, Princeton, NJ 08540, USA",
    "InstitutionName": "Princeton University",
    "InstitutionalDepartmentName": "Princeton Neuroscience Institute",
    "MagneticFieldStrength": 3,
    "Manufacturer": "Siemens",
    "ManufacturersModelName": "Prisma",
    "NumberOfVolumesDiscardedByScanner": 3,
    "ParallelReductionType": "GRAPPA",
    "PartialFourier": 0.75,
    "PhaseEncodingDirection": "j-",
    "PixelBandwidth": 1240,
    "PulseSequenceDetails": "%CustomerSeq%_ep2d_bold_sms_mgh_v22",
    "PulseSequenceType": "Gradient Echo EPI",
    "ReceiveCoilActiveElements": "HC1-7;NC1,2",
    "ReceiveCoilName": "HeadNeck_64",
    "RepetitionTime": 1.5,
    "ScanOptions": "PFP_FS",
    "ScanningSequence": "EP",
    "SequenceName": "epfSM2d1_96",
    "SequenceVariant": "SK",
    "SliceTiming": [
      0.6925,
      0,
      0.79,
      0.1,
      0.8875,
      0.1975,
      0.9875,
      0.2975,
      1.085,
      0.395,
      1.185,
      0.495,
      1.2825,
      0.5925,
      1.3825,
      0.6925,
      0,
      0.79,
      0.1,
      0.8875,
      0.1975,
      0.9875,
      0.2975,
      1.085,
      0.395,
      1.185,
      0.495,
      1.2825,
      0.5925,
      1.3825,
      0.6925,
      0,
      0.79,
      0.1,
      0.8875,
      0.1975,
      0.9875,
      0.2975,
      1.085,
      0.395,
      1.185,
      0.495,
      1.2825,
      0.5925,
      1.3825,
      0.6925,
      0,
      0.79,
      0.1,
      0.8875,
      0.1975,
      0.9875,
      0.2975,
      1.085,
      0.395,
      1.185,
      0.495,
      1.2825,
      0.5925,
      1.3825
    ],
    "SoftwareVersions": "syngo_MR_D13D",
    "StationName": "AWP66018",
    "TaskDescription": "Passively listened to audio story 'shapesphysical'",
    "TaskName": "shapesphysical",
    "TotalReadoutTime": 0.0883478,
    "dataset": "ds002345",
    "modality": "bold",
    "subject_id": "236",
    "task_id": "shapesphysical"
  },
  "dummy_trs": 0,
  "dvars_nstd": 32.0223874560577,
  "dvars_std": 1.1079556224358975,
  "dvars_vstd": 1.002365841570513,
  "efc": 0.555594141419898,
  "fber": 374.3426208496094,
  "fd_mean": 0.06897079225574046,
  "fd_num": 1,
  "fd_perc": 0.3194888178913738,
  "fwhm_avg": 2.957496666666667,
  "fwhm_x": 2.7101,
  "fwhm_y": 3.17915,
  "fwhm_z": 2.98324,
  "gcor": 0.0136024,
  "gsr_x": -0.010011926293373108,
  "gsr_y": 0.04584160074591637,
  "provenance": {
    "md5sum": "37b2c99799e14bb2b646912d8322f8b6",
    "settings": {
      "fd_thres": 0.2,
      "testing": false
    },
    "software": "mriqc",
    "version": "22.0.0rc1",
    "webapi_port": null,
    "webapi_url": "https://mriqc.nimh.nih.gov/api/v1"
  },
  "size_t": 313,
  "size_x": 96,
  "size_y": 96,
  "size_z": 60,
  "snr": 2.1741747835311327,
  "spacing_tr": 1.5,
  "spacing_x": 2.0,
  "spacing_y": 2.0,
  "spacing_z": 2.0,
  "summary_bg_k": 73.49791056570129,
  "summary_bg_mad": 5.802517013186122,
  "summary_bg_mean": 39.12889862060547,
  "summary_bg_median": 24.805110931396484,
  "summary_bg_n": 330450.0,
  "summary_bg_p05": 19.686901092529297,
  "summary_bg_p95": 106.38018798828125,
  "summary_bg_stdv": 46.549171447753906,
  "summary_fg_k": 3.726812300270936,
  "summary_fg_mad": 198.9481782948785,
  "summary_fg_mean": 535.6519165039062,
  "summary_fg_median": 496.2587890625,
  "summary_fg_n": 135185.0,
  "summary_fg_p05": 259.8223571777344,
  "summary_fg_p95": 954.6140624999997,
  "summary_fg_stdv": 228.25071716308594,
  "tsnr": 47.90712180454284
}