{
  "aor": 0.0007173175542406311,
  "aqi": 0.010631440216962525,
  "bids_meta": {
    "CogAtlasID": "https://www.cognitiveatlas.org/task/id/trm_4c8991fadfe01",
    "DeviceSerialNumber": "66018",
    "DwellTime": 4.2e-06,
    "EchoTime": 0.039,
    "EffectiveEchoSpacing": 0.000929976,
    "FlipAngle": 50,
    "InstitutionAddress": "Washington Rd, Princeton, NJ 08540, USA",
    "InstitutionName": "Princeton University",
    "InstitutionalDepartmentName": "Princeton Neuroscience Institute",
    "MagneticFieldStrength": 3,
    "Manufacturer": "Siemens",
    "ManufacturersModelName": "Prisma",
    "NumberOfVolumesDiscardedByScanner": 3,
    "ParallelReductionType": "GRAPPA",
    "PartialFourier": 0.75,
    "PhaseEncodingDirection": "j-",
    "PixelBandwidth": 1240,
    "PulseSequenceDetails": "%CustomerSeq%_ep2d_bold_sms_mgh_v22",
    "PulseSequenceType": "Gradient Echo EPI",
    "ReceiveCoilActiveElements": "HC1-7;NC1,2",
    "ReceiveCoilName": "HeadNeck_64",
    "RepetitionTime": 1.5,
    "ScanOptions": "PFP_FS",
    "ScanningSequence": "EP",
    "SequenceName": "epfSM2d1_96",
    "SequenceVariant": "SK",
    "SliceTiming": [
      0.6925,
      0,
      0.79,
      0.1,
      0.8875,
      0.1975,
      0.9875,
      0.2975,
      1.085,
      0.395,
      1.185,
      0.495,
      1.2825,
      0.5925,
      1.3825,
      0.6925,
      0,
      0.79,
      0.1,
      0.8875,
      0.1975,
      0.9875,
      0.2975,
      1.085,
      0.395,
      1.185,
      0.495,
      1.2825,
      0.5925,
      1.3825,
      0.6925,
      0,
      0.79,
      0.1,
      0.8875,
      0.1975,
      0.9875,
      0.2975,
      1.085,
      0.395,
      1.185,
      0.495,
      1.2825,
      0.5925,
      1.3825,
      0.6925,
      0,
      0.79,
      0.1,
      0.8875,
      0.1975,
      0.9875,
      0.2975,
      1.085,
      0.395,
      1.185,
      0.495,
      1.2825,
      0.5925,
      1.3825
    ],
    "SoftwareVersions": "syngo_MR_D13D",
    "StationName": "AWP66018",
    "TaskDescription": "Passively listened to audio story 'schema'",
    "TaskName": "schema",
    "TotalReadoutTime": 0.0883478,
    "dataset": "ds002345",
    "modality": "bold",
    "run_id": 4,
    "subject_id": "171",
    "task_id": "schema"
  },
  "dummy_trs": 1,
  "dvars_nstd": 46.50747469571146,
  "dvars_std": 1.1123866590118585,
  "dvars_vstd": 0.9853892443478259,
  "efc": 0.5837527313872541,
  "fber": 273.3062744140625,
  "fd_mean": 0.20168340763205855,
  "fd_num": 242,
  "fd_perc": 47.73175542406312,
  "fwhm_avg": 2.7655333333333334,
  "fwhm_x": 2.605735,
  "fwhm_y": 2.87474,
  "fwhm_z": 2.816125,
  "gcor": 0.0114483,
  "gsr_x": -0.007372704334557056,
  "gsr_y": 0.044101521372795105,
  "provenance": {
    "md5sum": "1c55799399a7bb074768d461d92622f5",
    "settings": {
      "fd_thres": 0.2,
      "testing": false
    },
    "software": "mriqc",
    "version": "22.0.0rc1",
    "webapi_port": null,
    "webapi_url": "https://mriqc.nimh.nih.gov/api/v1"
  },
  "size_t": 507,
  "size_x": 96,
  "size_y": 96,
  "size_z": 60,
  "snr": 2.2083574442409053,
  "spacing_tr": 1.5,
  "spacing_x": 2.0,
  "spacing_y": 2.0,
  "spacing_z": 2.0,
  "summary_bg_k": 82.39001375178836,
  "summary_bg_mad": 6.421683742446902,
  "summary_bg_mean": 38.50469970703125,
  "summary_bg_median": 25.44378662109375,
  "summary_bg_n": 314983.0,
  "summary_bg_p05": 20.140039443969727,
  "summary_bg_p95": 95.10335464477498,
  "summary_bg_stdv": 42.144229888916016,
  "summary_fg_k": 7.187141254144617,
  "summary_fg_mad": 165.1215191697421,
  "summary_fg_mean": 469.0138244628906,
  "summary_fg_median": 432.1972351074219,
  "summary_fg_n": 150257.0,
  "summary_fg_p05": 239.76449584960938,
  "summary_fg_p95": 810.1096679687497,
  "summary_fg_stdv": 195.70916748046875,
  "tsnr": 33.1374856447801
}