{
  "aor": 0.0019164551724137934,
  "aqi": 0.017830063462068967,
  "bids_meta": {
    "CogAtlasID": "https://www.cognitiveatlas.org/task/id/trm_4c8991fadfe01",
    "DeviceSerialNumber": "45031",
    "DwellTime": 4.9e-06,
    "EchoTime": 0.028,
    "EffectiveEchoSpacing": 0.000355001,
    "FlipAngle": 64,
    "InstitutionAddress": "Washington Rd, Princeton, NJ 08540, USA",
    "InstitutionName": "Princeton University",
    "InstitutionalDepartmentName": "Princeton Neuroscience Institute",
    "MagneticFieldStrength": 3,
    "Manufacturer": "Siemens",
    "ManufacturersModelName": "Skyra",
    "NumberOfVolumesDiscardedByScanner": 3,
    "ParallelReductionFactorInPlane": 2,
    "ParallelReductionType": "GRAPPA",
    "PartialFourier": 1,
    "PhaseEncodingDirection": "j-",
    "PixelBandwidth": 1595,
    "PulseSequenceDetails": "%SiemensSeq%_ep2d_bold",
    "PulseSequenceType": "Gradient Echo EPI",
    "ReceiveCoilActiveElements": "HE1-4",
    "ReceiveCoilName": "HeadNeck_20",
    "RepetitionTime": 1.5,
    "ScanOptions": "FS",
    "ScanningSequence": "EP",
    "SequenceName": "_epfid2d1_64",
    "SequenceVariant": "SK",
    "SliceTiming": [
      0,
      0.7675,
      0.055,
      0.8225,
      0.1075,
      0.875,
      0.1625,
      0.93,
      0.2175,
      0.985,
      0.2725,
      1.04,
      0.3275,
      1.095,
      0.3825,
      1.15,
      0.4375,
      1.205,
      0.4925,
      1.26,
      0.5475,
      1.315,
      0.6025,
      1.37,
      0.6575,
      1.425,
      0.7125
    ],
    "SoftwareVersions": "syngo_MR_D13",
    "StationName": "AWP45031",
    "TaskDescription": "Passively listened to audio story 'sherlock'",
    "TaskName": "sherlock",
    "TotalReadoutTime": 0.022365,
    "dataset": "ds002345",
    "modality": "bold",
    "subject_id": "171",
    "task_id": "sherlock"
  },
  "dummy_trs": 0,
  "dvars_nstd": 23.77670635861881,
  "dvars_std": 1.1057389175276242,
  "dvars_vstd": 0.9699742891574593,
  "efc": 0.5846601081388665,
  "fber": 1849.19873046875,
  "fd_mean": 0.15972832687332625,
  "fd_num": 136,
  "fd_perc": 18.75862068965517,
  "fwhm_avg": 1.7363672222222224,
  "fwhm_x": 1.7066133333333333,
  "fwhm_y": 1.9201433333333335,
  "fwhm_z": 1.582345,
  "gcor": 0.0269947,
  "gsr_x": -0.009398289956152439,
  "gsr_y": 0.03219767287373543,
  "provenance": {
    "md5sum": "9883f3397f2ce4072ca1901a20f39e4d",
    "settings": {
      "fd_thres": 0.2,
      "testing": false
    },
    "software": "mriqc",
    "version": "22.0.0rc1",
    "webapi_port": null,
    "webapi_url": "https://mriqc.nimh.nih.gov/api/v1"
  },
  "size_t": 725,
  "size_x": 64,
  "size_y": 64,
  "size_z": 27,
  "snr": 6.6503884873074925,
  "spacing_tr": 1.5,
  "spacing_x": 3.0,
  "spacing_y": 3.0,
  "spacing_z": 4.0,
  "summary_bg_k": 22.076400622262057,
  "summary_bg_mad": 7.670677094744275,
  "summary_bg_mean": 30.673599243164062,
  "summary_bg_median": 12.312414169311523,
  "summary_bg_n": 55696.0,
  "summary_bg_p05": 5.940690040588379,
  "summary_bg_p95": 117.99828147888184,
  "summary_bg_stdv": 54.152313232421875,
  "summary_fg_k": 0.6782457799023311,
  "summary_fg_mad": 85.48074121556525,
  "summary_fg_mean": 552.0902099609375,
  "summary_fg_median": 546.428955078125,
  "summary_fg_n": 27108.0,
  "summary_fg_p05": 435.23319244384766,
  "summary_fg_p95": 689.3162506103515,
  "summary_fg_stdv": 82.1634521484375,
  "tsnr": 45.187592891044915
}