{
  "aor": 0.0015287797147385104,
  "aqi": 0.007105840792393026,
  "bids_meta": {
    "CogAtlasID": "https://www.cognitiveatlas.org/task/id/trm_4c8991fadfe01",
    "DeviceSerialNumber": "45031",
    "DwellTime": 4.9e-06,
    "EchoTime": 0.028,
    "EffectiveEchoSpacing": 0.000355001,
    "FlipAngle": 64,
    "InstitutionAddress": "Washington Rd, Princeton, NJ 08540, USA",
    "InstitutionName": "Princeton University",
    "InstitutionalDepartmentName": "Princeton Neuroscience Institute",
    "MagneticFieldStrength": 3,
    "Manufacturer": "Siemens",
    "ManufacturersModelName": "Skyra",
    "NumberOfVolumesDiscardedByScanner": 3,
    "ParallelReductionFactorInPlane": 2,
    "ParallelReductionType": "GRAPPA",
    "PartialFourier": 1,
    "PhaseEncodingDirection": "j-",
    "PixelBandwidth": 1595,
    "PulseSequenceDetails": "%SiemensSeq%_ep2d_bold",
    "PulseSequenceType": "Gradient Echo EPI",
    "ReceiveCoilActiveElements": "HE1-4",
    "ReceiveCoilName": "HeadNeck_20",
    "RepetitionTime": 1.5,
    "ScanOptions": "FS",
    "ScanningSequence": "EP",
    "SequenceName": "_epfid2d1_64",
    "SequenceVariant": "SK",
    "SliceTiming": [
      0,
      0.7675,
      0.055,
      0.8225,
      0.1075,
      0.875,
      0.1625,
      0.93,
      0.2175,
      0.985,
      0.2725,
      1.04,
      0.3275,
      1.095,
      0.3825,
      1.15,
      0.4375,
      1.205,
      0.4925,
      1.26,
      0.5475,
      1.315,
      0.6025,
      1.37,
      0.6575,
      1.425,
      0.7125
    ],
    "SoftwareVersions": "syngo_MR_D13",
    "StationName": "AWP45031",
    "TaskDescription": "Passively listened to audio story 'merlin'",
    "TaskName": "merlin",
    "TotalReadoutTime": 0.022365,
    "dataset": "ds002345",
    "modality": "bold",
    "subject_id": "171",
    "task_id": "merlin"
  },
  "dummy_trs": 0,
  "dvars_nstd": 22.792580759095248,
  "dvars_std": 1.1808145773809522,
  "dvars_vstd": 1.0182838303650807,
  "efc": 0.5837551407936018,
  "fber": 1890.7359619140625,
  "fd_mean": 0.14098285800380705,
  "fd_num": 89,
  "fd_perc": 14.10459587955626,
  "fwhm_avg": 1.7030166666666666,
  "fwhm_x": 1.6784566666666667,
  "fwhm_y": 1.8741833333333335,
  "fwhm_z": 1.55641,
  "gcor": 0.0204433,
  "gsr_x": -0.008345683105289936,
  "gsr_y": 0.02903779223561287,
  "provenance": {
    "md5sum": "b683624b8bc6f735a3f4c6f1532d2f10",
    "settings": {
      "fd_thres": 0.2,
      "testing": false
    },
    "software": "mriqc",
    "version": "22.0.0rc1",
    "webapi_port": null,
    "webapi_url": "https://mriqc.nimh.nih.gov/api/v1"
  },
  "size_t": 631,
  "size_x": 64,
  "size_y": 64,
  "size_z": 27,
  "snr": 6.621532553079568,
  "spacing_tr": 1.5,
  "spacing_x": 3.0,
  "spacing_y": 3.0,
  "spacing_z": 4.0,
  "summary_bg_k": 20.78487217307757,
  "summary_bg_mad": 7.420060188979158,
  "summary_bg_mean": 30.283287048339844,
  "summary_bg_median": 12.120444297790527,
  "summary_bg_n": 55715.0,
  "summary_bg_p05": 5.909191989898682,
  "summary_bg_p95": 118.70016326904293,
  "summary_bg_stdv": 53.167057037353516,
  "summary_fg_k": 0.7399074419042337,
  "summary_fg_mad": 85.7865098249604,
  "summary_fg_mean": 552.7525634765625,
  "summary_fg_median": 547.3248901367188,
  "summary_fg_n": 27091.0,
  "summary_fg_p05": 435.3843231201172,
  "summary_fg_p95": 691.2749938964844,
  "summary_fg_stdv": 82.65681457519531,
  "tsnr": 64.206063805148
}