{
  "aor": 0.0007337103174603175,
  "aqi": 0.009597975912698413,
  "bids_meta": {
    "CogAtlasID": "https://www.cognitiveatlas.org/task/id/trm_4c8991fadfe01",
    "DeviceSerialNumber": "66018",
    "DwellTime": 4.2e-06,
    "EchoTime": 0.039,
    "EffectiveEchoSpacing": 0.000929976,
    "FlipAngle": 50,
    "InstitutionAddress": "Washington Rd, Princeton, NJ 08540, USA",
    "InstitutionName": "Princeton University",
    "InstitutionalDepartmentName": "Princeton Neuroscience Institute",
    "MagneticFieldStrength": 3,
    "Manufacturer": "Siemens",
    "ManufacturersModelName": "Prisma",
    "NumberOfVolumesDiscardedByScanner": 3,
    "ParallelReductionType": "GRAPPA",
    "PartialFourier": 0.75,
    "PhaseEncodingDirection": "j-",
    "PixelBandwidth": 1240,
    "PulseSequenceDetails": "%CustomerSeq%_ep2d_bold_sms_mgh_v22",
    "PulseSequenceType": "Gradient Echo EPI",
    "ReceiveCoilActiveElements": "HC1-7;NC1,2",
    "ReceiveCoilName": "HeadNeck_64",
    "RepetitionTime": 1.5,
    "ScanOptions": "PFP_FS",
    "ScanningSequence": "EP",
    "SequenceName": "epfSM2d1_96",
    "SequenceVariant": "SK",
    "SliceTiming": [
      0.6925,
      0,
      0.79,
      0.1,
      0.8875,
      0.1975,
      0.9875,
      0.2975,
      1.085,
      0.395,
      1.185,
      0.495,
      1.2825,
      0.5925,
      1.3825,
      0.6925,
      0,
      0.79,
      0.1,
      0.8875,
      0.1975,
      0.9875,
      0.2975,
      1.085,
      0.395,
      1.185,
      0.495,
      1.2825,
      0.5925,
      1.3825,
      0.6925,
      0,
      0.79,
      0.1,
      0.8875,
      0.1975,
      0.9875,
      0.2975,
      1.085,
      0.395,
      1.185,
      0.495,
      1.2825,
      0.5925,
      1.3825,
      0.6925,
      0,
      0.79,
      0.1,
      0.8875,
      0.1975,
      0.9875,
      0.2975,
      1.085,
      0.395,
      1.185,
      0.495,
      1.2825,
      0.5925,
      1.3825
    ],
    "SoftwareVersions": "syngo_MR_D13D",
    "StationName": "AWP66018",
    "TaskDescription": "Passively listened to audio story 'schema'",
    "TaskName": "schema",
    "TotalReadoutTime": 0.0883478,
    "dataset": "ds002345",
    "modality": "bold",
    "run_id": 2,
    "subject_id": "171",
    "task_id": "schema"
  },
  "dummy_trs": 2,
  "dvars_nstd": 48.010049300377766,
  "dvars_std": 1.148431117753477,
  "dvars_vstd": 1.0029700440755467,
  "efc": 0.5827997389544161,
  "fber": 283.0543518066406,
  "fd_mean": 0.21618525862884844,
  "fd_num": 246,
  "fd_perc": 48.80952380952381,
  "fwhm_avg": 2.75741,
  "fwhm_x": 2.589405,
  "fwhm_y": 2.872225,
  "fwhm_z": 2.8106,
  "gcor": 0.0149344,
  "gsr_x": -0.006518530193716288,
  "gsr_y": 0.046656474471092224,
  "provenance": {
    "md5sum": "b8d6a0ae6ea8a8f5019bd5a59a646604",
    "settings": {
      "fd_thres": 0.2,
      "testing": false
    },
    "software": "mriqc",
    "version": "22.0.0rc1",
    "webapi_port": null,
    "webapi_url": "https://mriqc.nimh.nih.gov/api/v1"
  },
  "size_t": 504,
  "size_x": 96,
  "size_y": 96,
  "size_z": 60,
  "snr": 2.2103421158500463,
  "spacing_tr": 1.5,
  "spacing_x": 2.0,
  "spacing_y": 2.0,
  "spacing_z": 2.0,
  "summary_bg_k": 99.68322560531028,
  "summary_bg_mad": 6.133385524336539,
  "summary_bg_mean": 37.772525787353516,
  "summary_bg_median": 24.94047737121582,
  "summary_bg_n": 314580.0,
  "summary_bg_p05": 19.83928680419922,
  "summary_bg_p95": 91.52778625488281,
  "summary_bg_stdv": 42.65492630004883,
  "summary_fg_k": 6.886739065382315,
  "summary_fg_mad": 163.99081327552935,
  "summary_fg_mean": 467.05841064453125,
  "summary_fg_median": 430.28076171875,
  "summary_fg_n": 150904.0,
  "summary_fg_p05": 237.8180694580078,
  "summary_fg_p95": 807.4229400634767,
  "summary_fg_stdv": 194.66639709472656,
  "tsnr": 34.03985256282613
}