{
  "aor": 0.0006316602316602317,
  "aqi": 0.010453999903474903,
  "bids_meta": {
    "CogAtlasID": "https://www.cognitiveatlas.org/task/id/trm_4c8991fadfe01",
    "DeviceSerialNumber": "66018",
    "DwellTime": 4.2e-06,
    "EchoTime": 0.039,
    "EffectiveEchoSpacing": 0.000929976,
    "FlipAngle": 50,
    "InstitutionAddress": "Washington Rd, Princeton, NJ 08540, USA",
    "InstitutionName": "Princeton University",
    "InstitutionalDepartmentName": "Princeton Neuroscience Institute",
    "MagneticFieldStrength": 3,
    "Manufacturer": "Siemens",
    "ManufacturersModelName": "Prisma",
    "NumberOfVolumesDiscardedByScanner": 3,
    "ParallelReductionType": "GRAPPA",
    "PartialFourier": 0.75,
    "PhaseEncodingDirection": "j-",
    "PixelBandwidth": 1240,
    "PulseSequenceDetails": "%CustomerSeq%_ep2d_bold_sms_mgh_v22",
    "PulseSequenceType": "Gradient Echo EPI",
    "ReceiveCoilActiveElements": "HC1-7;NC1,2",
    "ReceiveCoilName": "HeadNeck_64",
    "RepetitionTime": 1.5,
    "ScanOptions": "PFP_FS",
    "ScanningSequence": "EP",
    "SequenceName": "epfSM2d1_96",
    "SequenceVariant": "SK",
    "SliceTiming": [
      0.6925,
      0,
      0.79,
      0.1,
      0.8875,
      0.1975,
      0.9875,
      0.2975,
      1.085,
      0.395,
      1.185,
      0.495,
      1.2825,
      0.5925,
      1.3825,
      0.6925,
      0,
      0.79,
      0.1,
      0.8875,
      0.1975,
      0.9875,
      0.2975,
      1.085,
      0.395,
      1.185,
      0.495,
      1.2825,
      0.5925,
      1.3825,
      0.6925,
      0,
      0.79,
      0.1,
      0.8875,
      0.1975,
      0.9875,
      0.2975,
      1.085,
      0.395,
      1.185,
      0.495,
      1.2825,
      0.5925,
      1.3825,
      0.6925,
      0,
      0.79,
      0.1,
      0.8875,
      0.1975,
      0.9875,
      0.2975,
      1.085,
      0.395,
      1.185,
      0.495,
      1.2825,
      0.5925,
      1.3825
    ],
    "SoftwareVersions": "syngo_MR_D13D",
    "StationName": "AWP66018",
    "TaskDescription": "Passively listened to audio story 'schema'",
    "TaskName": "schema",
    "TotalReadoutTime": 0.0883478,
    "dataset": "ds002345",
    "modality": "bold",
    "run_id": 1,
    "subject_id": "171",
    "task_id": "schema"
  },
  "dummy_trs": 1,
  "dvars_nstd": 44.98808046576404,
  "dvars_std": 1.0895819850870407,
  "dvars_vstd": 0.9808615733075429,
  "efc": 0.581807665439579,
  "fber": 288.652099609375,
  "fd_mean": 0.20267590648362532,
  "fd_num": 254,
  "fd_perc": 49.034749034749034,
  "fwhm_avg": 2.7630666666666666,
  "fwhm_x": 2.595675,
  "fwhm_y": 2.88848,
  "fwhm_z": 2.805045,
  "gcor": 0.0103672,
  "gsr_x": -0.005279400385916233,
  "gsr_y": 0.045309945940971375,
  "provenance": {
    "md5sum": "679d690cb5c6bf90602b0605d821643f",
    "settings": {
      "fd_thres": 0.2,
      "testing": false
    },
    "software": "mriqc",
    "version": "22.0.0rc1",
    "webapi_port": null,
    "webapi_url": "https://mriqc.nimh.nih.gov/api/v1"
  },
  "size_t": 518,
  "size_x": 96,
  "size_y": 96,
  "size_z": 60,
  "snr": 2.2205792714626744,
  "spacing_tr": 1.5,
  "spacing_x": 2.0,
  "spacing_y": 2.0,
  "spacing_z": 2.0,
  "summary_bg_k": 75.36228485884881,
  "summary_bg_mad": 6.176552491471945,
  "summary_bg_mean": 37.08949661254883,
  "summary_bg_median": 24.731658935546875,
  "summary_bg_n": 314990.0,
  "summary_bg_p05": 19.579151153564453,
  "summary_bg_p95": 89.25800666809076,
  "summary_bg_stdv": 39.60898971557617,
  "summary_fg_k": 6.879897773220588,
  "summary_fg_mad": 163.83894699298497,
  "summary_fg_mean": 467.01776123046875,
  "summary_fg_median": 430.50579833984375,
  "summary_fg_n": 150721.0,
  "summary_fg_p05": 238.50772094726562,
  "summary_fg_p95": 805.9420776367188,
  "summary_fg_stdv": 193.87030029296875,
  "tsnr": 31.048914997605607
}