{
  "aor": 0.0014178640776699029,
  "aqi": 0.006470607540453074,
  "bids_meta": {
    "CogAtlasID": "https://www.cognitiveatlas.org/task/id/trm_4c8991fadfe01",
    "DeviceSerialNumber": "66018",
    "DwellTime": 4.2e-06,
    "EchoTime": 0.039,
    "EffectiveEchoSpacing": 0.000929976,
    "FlipAngle": 50,
    "InstitutionAddress": "Washington Rd, Princeton, NJ 08540, USA",
    "InstitutionName": "Princeton University",
    "InstitutionalDepartmentName": "Princeton Neuroscience Institute",
    "MagneticFieldStrength": 3,
    "Manufacturer": "Siemens",
    "ManufacturersModelName": "Prisma",
    "NumberOfVolumesDiscardedByScanner": 3,
    "ParallelReductionType": "GRAPPA",
    "PartialFourier": 0.75,
    "PhaseEncodingDirection": "j-",
    "PixelBandwidth": 1240,
    "PulseSequenceDetails": "%CustomerSeq%_ep2d_bold_sms_mgh_v22",
    "PulseSequenceType": "Gradient Echo EPI",
    "ReceiveCoilActiveElements": "HC1-7;NC1,2",
    "ReceiveCoilName": "HeadNeck_64",
    "RepetitionTime": 1.5,
    "ScanOptions": "PFP_FS",
    "ScanningSequence": "EP",
    "SequenceName": "epfSM2d1_96",
    "SequenceVariant": "SK",
    "SliceTiming": [
      0.6925,
      0,
      0.79,
      0.1,
      0.8875,
      0.1975,
      0.9875,
      0.2975,
      1.085,
      0.395,
      1.185,
      0.495,
      1.2825,
      0.5925,
      1.3825,
      0.6925,
      0,
      0.79,
      0.1,
      0.8875,
      0.1975,
      0.9875,
      0.2975,
      1.085,
      0.395,
      1.185,
      0.495,
      1.2825,
      0.5925,
      1.3825,
      0.6925,
      0,
      0.79,
      0.1,
      0.8875,
      0.1975,
      0.9875,
      0.2975,
      1.085,
      0.395,
      1.185,
      0.495,
      1.2825,
      0.5925,
      1.3825,
      0.6925,
      0,
      0.79,
      0.1,
      0.8875,
      0.1975,
      0.9875,
      0.2975,
      1.085,
      0.395,
      1.185,
      0.495,
      1.2825,
      0.5925,
      1.3825
    ],
    "SoftwareVersions": "syngo_MR_D13D",
    "StationName": "AWP66018",
    "TaskDescription": "Passively listened to audio story 'shapessocial'",
    "TaskName": "shapessocial",
    "TotalReadoutTime": 0.0883478,
    "dataset": "ds002345",
    "modality": "bold",
    "subject_id": "207",
    "task_id": "shapessocial"
  },
  "dummy_trs": 1,
  "dvars_nstd": 35.83746799850648,
  "dvars_std": 1.090517006201299,
  "dvars_vstd": 1.017833807824676,
  "efc": 0.5997030269643487,
  "fber": 280.1694030761719,
  "fd_mean": 0.09857813119879316,
  "fd_num": 10,
  "fd_perc": 3.236245954692557,
  "fwhm_avg": 2.6346000000000003,
  "fwhm_x": 2.267205,
  "fwhm_y": 2.92787,
  "fwhm_z": 2.708725,
  "gcor": 0.0123002,
  "gsr_x": -0.0026884141843765974,
  "gsr_y": 0.05820970609784126,
  "provenance": {
    "md5sum": "05ee1a29a21cd91c4898ac8ad6493202",
    "settings": {
      "fd_thres": 0.2,
      "testing": false
    },
    "software": "mriqc",
    "version": "22.0.0rc1",
    "webapi_port": null,
    "webapi_url": "https://mriqc.nimh.nih.gov/api/v1"
  },
  "size_t": 309,
  "size_x": 96,
  "size_y": 96,
  "size_z": 60,
  "snr": 2.772224170204941,
  "spacing_tr": 1.5,
  "spacing_x": 2.0,
  "spacing_y": 2.0,
  "spacing_z": 2.0,
  "summary_bg_k": 136.89293609001354,
  "summary_bg_mad": 7.2450798548381234,
  "summary_bg_mean": 39.7382698059082,
  "summary_bg_median": 24.828479766845703,
  "summary_bg_n": 320174.0,
  "summary_bg_p05": 18.879127597808843,
  "summary_bg_p95": 100.40776824951172,
  "summary_bg_stdv": 52.484806060791016,
  "summary_fg_k": 2.0774946335400593,
  "summary_fg_mad": 142.87913773040975,
  "summary_fg_mean": 444.35101318359375,
  "summary_fg_median": 426.3673400878906,
  "summary_fg_n": 146630.0,
  "summary_fg_p05": 239.34741516113283,
  "summary_fg_p95": 715.6637756347656,
  "summary_fg_stdv": 153.79920959472656,
  "tsnr": 41.13385642785579
}