{
  "bids_meta": {
    "AcquisitionMatrixPE": 256,
    "BaseResolution": 256,
    "BodyPartExamined": "BRAIN",
    "ConsistencyInfo": "N4_VE11C_LATEST_20160120",
    "ConversionSoftware": "dcm2niix",
    "ConversionSoftwareVersion": "v1.0.20180328 GCC6.3.0",
    "DeviceSerialNumber": "66018",
    "EchoTime": 0.0033,
    "FlipAngle": 7,
    "ImageOrientationPatientDICOM": [
      0,
      1,
      0,
      0,
      0,
      -1
    ],
    "ImageType": [
      "ORIGINAL",
      "PRIMARY",
      "M",
      "ND",
      "NORM"
    ],
    "InPlanePhaseEncodingDirectionDICOM": "ROW",
    "InstitutionAddress": "Washington Rd, Princeton, NJ 08540, USA",
    "InstitutionName": "Princeton University",
    "InstitutionalDepartmentName": "Princeton Neuroscience Institute",
    "InversionTime": 1.1,
    "MRAcquisitionType": "3D",
    "MagneticFieldStrength": 3,
    "Manufacturer": "Siemens",
    "ManufacturersModelName": "Prisma",
    "Modality": "MR",
    "ParallelReductionFactorInPlane": 2,
    "ParallelReductionType": "GRAPPA",
    "PartialFourier": 1,
    "PatientPosition": "HFS",
    "PercentPhaseFOV": 100,
    "PhaseEncodingSteps": 255,
    "PhaseResolution": 1,
    "PixelBandwidth": 200,
    "ProcedureStepDescription": "Hasson_Nastase_042518_Storyteller",
    "ProtocolName": "anat-T1w",
    "PulseSequenceDetails": "%SiemensSeq%_tfl",
    "ReceiveCoilActiveElements": "HC1-7;NC1,2",
    "ReceiveCoilName": "HeadNeck_64",
    "ReconMatrixPE": 256,
    "RepetitionTime": 2.53,
    "SAR": 0.0448674,
    "ScanOptions": "IR",
    "ScanningSequence": "GR_IR",
    "SequenceName": "_tfl3d1_16ns",
    "SequenceVariant": "SK_SP_MP",
    "SeriesDescription": "anat-T1w",
    "SeriesNumber": 3,
    "ShimSetting": [
      772,
      429,
      1971,
      373,
      -215,
      -111,
      425,
      61
    ],
    "SliceThickness": 1,
    "SoftwareVersions": "syngo_MR_E11",
    "StationName": "AWP66018",
    "TxRefAmp": 249.3,
    "dataset": "ds002345",
    "modality": "T1w",
    "subject_id": "279"
  },
  "cjv": 0.36319773343308825,
  "cnr": 3.498448435422006,
  "efc": 0.585262395908791,
  "fber": 4159.5198433606265,
  "fwhm_avg": 3.4248,
  "fwhm_x": 3.41923,
  "fwhm_y": 3.67223,
  "fwhm_z": 3.18294,
  "icvs_csf": 0.16875536426600535,
  "icvs_gm": 0.4310048615582636,
  "icvs_wm": 0.40023977417573103,
  "inu_med": 1.2773401737213135,
  "inu_range": 0.5395710885524749,
  "provenance": {
    "md5sum": "a703d371a67d536ca07d2b2a0016a871",
    "settings": {
      "testing": false
    },
    "software": "mriqc",
    "version": "22.0.0rc1",
    "warnings": {
      "large_rot_frame": true,
      "small_air_mask": false
    },
    "webapi_port": null,
    "webapi_url": "https://mriqc.nimh.nih.gov/api/v1"
  },
  "qi_1": 0.0,
  "qi_2": 0.0006562860779482181,
  "rpve_csf": 32.76424963821792,
  "rpve_gm": 14.403097558414482,
  "rpve_wm": 18.674860529986052,
  "size_x": 176,
  "size_y": 256,
  "size_z": 256,
  "snr_csf": 2.618757412359597,
  "snr_gm": 9.46391302817203,
  "snr_total": 9.916381258987572,
  "snr_wm": 17.66647333643109,
  "snrd_csf": 35.779879281293695,
  "snrd_gm": 70.98320675577285,
  "snrd_total": 70.48100347879085,
  "snrd_wm": 104.67992439930599,
  "spacing_x": 1.0,
  "spacing_y": 1.0,
  "spacing_z": 1.0,
  "summary_bg_k": 388.0367997217357,
  "summary_bg_mad": 6.258472041541024,
  "summary_bg_mean": 11.024205210950619,
  "summary_bg_median": 8.522955730557442,
  "summary_bg_n": 3069979.0,
  "summary_bg_p05": 2.0905363112688065,
  "summary_bg_p95": 27.056364182382822,
  "summary_bg_stdv": 11.349744484930811,
  "summary_csf_k": -0.857896755419727,
  "summary_csf_mad": 163.31631803640386,
  "summary_csf_mean": 334.63584542564865,
  "summary_csf_median": 341.80268689244986,
  "summary_csf_n": 7175.0,
  "summary_csf_p05": 139.1412725634873,
  "summary_csf_p95": 530.2404137805103,
  "summary_csf_stdv": 130.5118471252117,
  "summary_gm_k": 0.5141076329537504,
  "summary_gm_mad": 66.36960588815171,
  "summary_gm_mean": 679.1778211761596,
  "summary_gm_median": 678.0976146571338,
  "summary_gm_n": 15480.0,
  "summary_gm_p05": 562.5130680857226,
  "summary_gm_p95": 799.5095311962068,
  "summary_gm_stdv": 71.64855698770499,
  "summary_wm_k": 0.7673618300210481,
  "summary_wm_mad": 50.54461229739798,
  "summary_wm_mean": 996.6943991678276,
  "summary_wm_median": 1000.0000039711595,
  "summary_wm_n": 202604.0,
  "summary_wm_p05": 896.1968355923891,
  "summary_wm_p95": 1083.8224695287645,
  "summary_wm_stdv": 56.60425355170325,
  "tpm_overlap_csf": 0.17367221415042877,
  "tpm_overlap_gm": 0.43390288949012756,
  "tpm_overlap_wm": 0.501234769821167,
  "wm2max": 0.5871287124622462
}