{
  "aor": 0.0009269642857142856,
  "aqi": 0.010158419206349205,
  "bids_meta": {
    "CogAtlasID": "https://www.cognitiveatlas.org/task/id/trm_4c8991fadfe01",
    "DeviceSerialNumber": "66018",
    "DwellTime": 4.2e-06,
    "EchoTime": 0.039,
    "EffectiveEchoSpacing": 0.000929976,
    "FlipAngle": 50,
    "InstitutionAddress": "Washington Rd, Princeton, NJ 08540, USA",
    "InstitutionName": "Princeton University",
    "InstitutionalDepartmentName": "Princeton Neuroscience Institute",
    "MagneticFieldStrength": 3,
    "Manufacturer": "Siemens",
    "ManufacturersModelName": "Prisma",
    "NumberOfVolumesDiscardedByScanner": 3,
    "ParallelReductionType": "GRAPPA",
    "PartialFourier": 0.75,
    "PhaseEncodingDirection": "j-",
    "PixelBandwidth": 1240,
    "PulseSequenceDetails": "%CustomerSeq%_ep2d_bold_sms_mgh_v22",
    "PulseSequenceType": "Gradient Echo EPI",
    "ReceiveCoilActiveElements": "HC1-7;NC1,2",
    "ReceiveCoilName": "HeadNeck_64",
    "RepetitionTime": 1.5,
    "ScanOptions": "PFP_FS",
    "ScanningSequence": "EP",
    "SequenceName": "epfSM2d1_96",
    "SequenceVariant": "SK",
    "SliceTiming": [
      0.6925,
      0,
      0.79,
      0.1,
      0.8875,
      0.1975,
      0.9875,
      0.2975,
      1.085,
      0.395,
      1.185,
      0.495,
      1.2825,
      0.5925,
      1.3825,
      0.6925,
      0,
      0.79,
      0.1,
      0.8875,
      0.1975,
      0.9875,
      0.2975,
      1.085,
      0.395,
      1.185,
      0.495,
      1.2825,
      0.5925,
      1.3825,
      0.6925,
      0,
      0.79,
      0.1,
      0.8875,
      0.1975,
      0.9875,
      0.2975,
      1.085,
      0.395,
      1.185,
      0.495,
      1.2825,
      0.5925,
      1.3825,
      0.6925,
      0,
      0.79,
      0.1,
      0.8875,
      0.1975,
      0.9875,
      0.2975,
      1.085,
      0.395,
      1.185,
      0.495,
      1.2825,
      0.5925,
      1.3825
    ],
    "SoftwareVersions": "syngo_MR_D13D",
    "StationName": "AWP66018",
    "TaskDescription": "Passively listened to audio story 'schema'",
    "TaskName": "schema",
    "TotalReadoutTime": 0.0883478,
    "dataset": "ds002345",
    "modality": "bold",
    "run_id": 4,
    "subject_id": "199",
    "task_id": "schema"
  },
  "dummy_trs": 1,
  "dvars_nstd": 34.76276354848909,
  "dvars_std": 1.0327913401988078,
  "dvars_vstd": 0.9775697782703782,
  "efc": 0.5713565796485779,
  "fber": 297.41046142578125,
  "fd_mean": 0.1665208907727808,
  "fd_num": 117,
  "fd_perc": 23.214285714285715,
  "fwhm_avg": 2.889673333333333,
  "fwhm_x": 2.538455,
  "fwhm_y": 3.223395,
  "fwhm_z": 2.90717,
  "gcor": 0.0188641,
  "gsr_x": -0.006014655809849501,
  "gsr_y": 0.043096039444208145,
  "provenance": {
    "md5sum": "c3bb6ae0a55c6cb55765271b9e3cfaf5",
    "settings": {
      "fd_thres": 0.2,
      "testing": false
    },
    "software": "mriqc",
    "version": "22.0.0rc1",
    "webapi_port": null,
    "webapi_url": "https://mriqc.nimh.nih.gov/api/v1"
  },
  "size_t": 504,
  "size_x": 96,
  "size_y": 96,
  "size_z": 60,
  "snr": 2.3229948852060454,
  "spacing_tr": 1.5,
  "spacing_x": 2.0,
  "spacing_y": 2.0,
  "spacing_z": 2.0,
  "summary_bg_k": 76.46555387774194,
  "summary_bg_mad": 8.963272194471655,
  "summary_bg_mean": 41.594486236572266,
  "summary_bg_median": 27.28373146057129,
  "summary_bg_n": 327910.0,
  "summary_bg_p05": 19.47817611694336,
  "summary_bg_p95": 107.55794525146476,
  "summary_bg_stdv": 48.64292526245117,
  "summary_fg_k": 1.9009730155628688,
  "summary_fg_mad": 185.78714265275423,
  "summary_fg_mean": 521.99365234375,
  "summary_fg_median": 489.2222595214844,
  "summary_fg_n": 136573.0,
  "summary_fg_p05": 247.7472381591797,
  "summary_fg_p95": 908.9079711914061,
  "summary_fg_stdv": 210.59902954101562,
  "tsnr": 33.98443760583177
}