{
  "aor": 0.0010373786407766989,
  "aqi": 0.011014123339805825,
  "bids_meta": {
    "CogAtlasID": "https://www.cognitiveatlas.org/task/id/trm_4c8991fadfe01",
    "DeviceSerialNumber": "66018",
    "DwellTime": 4.2e-06,
    "EchoTime": 0.039,
    "EffectiveEchoSpacing": 0.000929976,
    "FlipAngle": 50,
    "InstitutionAddress": "Washington Rd, Princeton, NJ 08540, USA",
    "InstitutionName": "Princeton University",
    "InstitutionalDepartmentName": "Princeton Neuroscience Institute",
    "MagneticFieldStrength": 3,
    "Manufacturer": "Siemens",
    "ManufacturersModelName": "Prisma",
    "NumberOfVolumesDiscardedByScanner": 3,
    "ParallelReductionType": "GRAPPA",
    "PartialFourier": 0.75,
    "PhaseEncodingDirection": "j-",
    "PixelBandwidth": 1240,
    "PulseSequenceDetails": "%CustomerSeq%_ep2d_bold_sms_mgh_v22",
    "PulseSequenceType": "Gradient Echo EPI",
    "ReceiveCoilActiveElements": "HC1-7;NC1,2",
    "ReceiveCoilName": "HeadNeck_64",
    "RepetitionTime": 1.5,
    "ScanOptions": "PFP_FS",
    "ScanningSequence": "EP",
    "SequenceName": "epfSM2d1_96",
    "SequenceVariant": "SK",
    "SliceTiming": [
      0.6925,
      0,
      0.79,
      0.1,
      0.8875,
      0.1975,
      0.9875,
      0.2975,
      1.085,
      0.395,
      1.185,
      0.495,
      1.2825,
      0.5925,
      1.3825,
      0.6925,
      0,
      0.79,
      0.1,
      0.8875,
      0.1975,
      0.9875,
      0.2975,
      1.085,
      0.395,
      1.185,
      0.495,
      1.2825,
      0.5925,
      1.3825,
      0.6925,
      0,
      0.79,
      0.1,
      0.8875,
      0.1975,
      0.9875,
      0.2975,
      1.085,
      0.395,
      1.185,
      0.495,
      1.2825,
      0.5925,
      1.3825,
      0.6925,
      0,
      0.79,
      0.1,
      0.8875,
      0.1975,
      0.9875,
      0.2975,
      1.085,
      0.395,
      1.185,
      0.495,
      1.2825,
      0.5925,
      1.3825
    ],
    "SoftwareVersions": "syngo_MR_D13D",
    "StationName": "AWP66018",
    "TaskDescription": "Passively listened to audio story 'schema'",
    "TaskName": "schema",
    "TotalReadoutTime": 0.0883478,
    "dataset": "ds002345",
    "modality": "bold",
    "run_id": 3,
    "subject_id": "199",
    "task_id": "schema"
  },
  "dummy_trs": 1,
  "dvars_nstd": 34.814097255972754,
  "dvars_std": 1.0407881138326844,
  "dvars_vstd": 0.988157669474709,
  "efc": 0.5698901203950663,
  "fber": 305.8594055175781,
  "fd_mean": 0.1641632168128404,
  "fd_num": 106,
  "fd_perc": 20.58252427184466,
  "fwhm_avg": 2.890181666666667,
  "fwhm_x": 2.542785,
  "fwhm_y": 3.229305,
  "fwhm_z": 2.898455,
  "gcor": 0.0142461,
  "gsr_x": -0.0068616415373981,
  "gsr_y": 0.043559469282627106,
  "provenance": {
    "md5sum": "49c8b42e53ef300780c6e6120467f266",
    "settings": {
      "fd_thres": 0.2,
      "testing": false
    },
    "software": "mriqc",
    "version": "22.0.0rc1",
    "webapi_port": null,
    "webapi_url": "https://mriqc.nimh.nih.gov/api/v1"
  },
  "size_t": 515,
  "size_x": 96,
  "size_y": 96,
  "size_z": 60,
  "snr": 2.3290188916675225,
  "spacing_tr": 1.5,
  "spacing_x": 2.0,
  "spacing_y": 2.0,
  "spacing_z": 2.0,
  "summary_bg_k": 79.07461158019025,
  "summary_bg_mad": 9.442596613953194,
  "summary_bg_mean": 40.977203369140625,
  "summary_bg_median": 27.0,
  "summary_bg_n": 327834.0,
  "summary_bg_p05": 18.592233657836914,
  "summary_bg_p95": 104.73534507751455,
  "summary_bg_stdv": 48.50876235961914,
  "summary_fg_k": 1.9476931063495622,
  "summary_fg_mad": 186.0003843597799,
  "summary_fg_mean": 523.1312866210938,
  "summary_fg_median": 490.57769775390625,
  "summary_fg_n": 136608.0,
  "summary_fg_p05": 249.62213897705078,
  "summary_fg_p95": 910.5717834472655,
  "summary_fg_stdv": 210.63629150390625,
  "tsnr": 33.18361943605123
}