{
  "aor": 0.0019372912423625255,
  "aqi": 0.010449562118126272,
  "bids_meta": {
    "CogAtlasID": "https://www.cognitiveatlas.org/task/id/trm_4c8991fadfe01",
    "DeviceSerialNumber": "66018",
    "DwellTime": 4.2e-06,
    "EchoTime": 0.039,
    "EffectiveEchoSpacing": 0.000929976,
    "FlipAngle": 50,
    "InstitutionAddress": "Washington Rd, Princeton, NJ 08540, USA",
    "InstitutionName": "Princeton University",
    "InstitutionalDepartmentName": "Princeton Neuroscience Institute",
    "MagneticFieldStrength": 3,
    "Manufacturer": "Siemens",
    "ManufacturersModelName": "Prisma",
    "NumberOfVolumesDiscardedByScanner": 3,
    "ParallelReductionType": "GRAPPA",
    "PartialFourier": 0.75,
    "PhaseEncodingDirection": "j-",
    "PixelBandwidth": 1240,
    "PulseSequenceDetails": "%CustomerSeq%_ep2d_bold_sms_mgh_v22",
    "PulseSequenceType": "Gradient Echo EPI",
    "ReceiveCoilActiveElements": "HC1-7;NC1,2",
    "ReceiveCoilName": "HeadNeck_64",
    "RepetitionTime": 1.5,
    "ScanOptions": "PFP_FS",
    "ScanningSequence": "EP",
    "SequenceName": "epfSM2d1_96",
    "SequenceVariant": "SK",
    "SliceTiming": [
      0.6925,
      0,
      0.79,
      0.1,
      0.8875,
      0.1975,
      0.9875,
      0.2975,
      1.085,
      0.395,
      1.185,
      0.495,
      1.2825,
      0.5925,
      1.3825,
      0.6925,
      0,
      0.79,
      0.1,
      0.8875,
      0.1975,
      0.9875,
      0.2975,
      1.085,
      0.395,
      1.185,
      0.495,
      1.2825,
      0.5925,
      1.3825,
      0.6925,
      0,
      0.79,
      0.1,
      0.8875,
      0.1975,
      0.9875,
      0.2975,
      1.085,
      0.395,
      1.185,
      0.495,
      1.2825,
      0.5925,
      1.3825,
      0.6925,
      0,
      0.79,
      0.1,
      0.8875,
      0.1975,
      0.9875,
      0.2975,
      1.085,
      0.395,
      1.185,
      0.495,
      1.2825,
      0.5925,
      1.3825
    ],
    "SoftwareVersions": "syngo_MR_D13D",
    "StationName": "AWP66018",
    "TaskDescription": "Passively listened to audio story 'schema'",
    "TaskName": "schema",
    "TotalReadoutTime": 0.0883478,
    "dataset": "ds002345",
    "modality": "bold",
    "run_id": 2,
    "subject_id": "199",
    "task_id": "schema"
  },
  "dummy_trs": 1,
  "dvars_nstd": 34.54828647730612,
  "dvars_std": 1.0574184314693884,
  "dvars_vstd": 0.9989012615102039,
  "efc": 0.5689674691834499,
  "fber": 313.7612609863281,
  "fd_mean": 0.1499223985605028,
  "fd_num": 91,
  "fd_perc": 18.533604887983707,
  "fwhm_avg": 2.865483333333333,
  "fwhm_x": 2.53293,
  "fwhm_y": 3.19944,
  "fwhm_z": 2.86408,
  "gcor": 0.0225686,
  "gsr_x": -0.006299767643213272,
  "gsr_y": 0.0416860431432724,
  "provenance": {
    "md5sum": "b5365933b3d80ff3f8010e750c73b587",
    "settings": {
      "fd_thres": 0.2,
      "testing": false
    },
    "software": "mriqc",
    "version": "22.0.0rc1",
    "webapi_port": null,
    "webapi_url": "https://mriqc.nimh.nih.gov/api/v1"
  },
  "size_t": 491,
  "size_x": 96,
  "size_y": 96,
  "size_z": 60,
  "snr": 2.3435713134299214,
  "spacing_tr": 1.5,
  "spacing_x": 2.0,
  "spacing_y": 2.0,
  "spacing_z": 2.0,
  "summary_bg_k": 71.36229652120154,
  "summary_bg_mad": 8.820124140533796,
  "summary_bg_mean": 40.32413864135742,
  "summary_bg_median": 26.655805587768555,
  "summary_bg_n": 328410.0,
  "summary_bg_p05": 18.906314849853516,
  "summary_bg_p95": 103.10387420654297,
  "summary_bg_stdv": 45.73651123046875,
  "summary_fg_k": 2.048465947476239,
  "summary_fg_mad": 185.10484158295856,
  "summary_fg_mean": 524.4942626953125,
  "summary_fg_median": 491.9022521972656,
  "summary_fg_n": 135879.0,
  "summary_fg_p05": 252.1698745727539,
  "summary_fg_p95": 909.7218261718749,
  "summary_fg_stdv": 209.89352416992188,
  "tsnr": 32.45646554464474
}