{
  "aor": 0.0006333333333333333,
  "aqi": 0.011332461757575756,
  "bids_meta": {
    "CogAtlasID": "https://www.cognitiveatlas.org/task/id/trm_4c8991fadfe01",
    "DeviceSerialNumber": "66018",
    "DwellTime": 4.2e-06,
    "EchoTime": 0.039,
    "EffectiveEchoSpacing": 0.000929976,
    "FlipAngle": 50,
    "InstitutionAddress": "Washington Rd, Princeton, NJ 08540, USA",
    "InstitutionName": "Princeton University",
    "InstitutionalDepartmentName": "Princeton Neuroscience Institute",
    "MagneticFieldStrength": 3,
    "Manufacturer": "Siemens",
    "ManufacturersModelName": "Prisma",
    "NumberOfVolumesDiscardedByScanner": 3,
    "ParallelReductionType": "GRAPPA",
    "PartialFourier": 0.75,
    "PhaseEncodingDirection": "j-",
    "PixelBandwidth": 1240,
    "PulseSequenceDetails": "%CustomerSeq%_ep2d_bold_sms_mgh_v22",
    "PulseSequenceType": "Gradient Echo EPI",
    "ReceiveCoilActiveElements": "HC1-7;NC1,2",
    "ReceiveCoilName": "HeadNeck_64",
    "RepetitionTime": 1.5,
    "ScanOptions": "PFP_FS",
    "ScanningSequence": "EP",
    "SequenceName": "epfSM2d1_96",
    "SequenceVariant": "SK",
    "SliceTiming": [
      0.6925,
      0,
      0.79,
      0.1,
      0.8875,
      0.1975,
      0.9875,
      0.2975,
      1.085,
      0.395,
      1.185,
      0.495,
      1.2825,
      0.5925,
      1.3825,
      0.6925,
      0,
      0.79,
      0.1,
      0.8875,
      0.1975,
      0.9875,
      0.2975,
      1.085,
      0.395,
      1.185,
      0.495,
      1.2825,
      0.5925,
      1.3825,
      0.6925,
      0,
      0.79,
      0.1,
      0.8875,
      0.1975,
      0.9875,
      0.2975,
      1.085,
      0.395,
      1.185,
      0.495,
      1.2825,
      0.5925,
      1.3825,
      0.6925,
      0,
      0.79,
      0.1,
      0.8875,
      0.1975,
      0.9875,
      0.2975,
      1.085,
      0.395,
      1.185,
      0.495,
      1.2825,
      0.5925,
      1.3825
    ],
    "SoftwareVersions": "syngo_MR_D13D",
    "StationName": "AWP66018",
    "TaskDescription": "Passively listened to audio story 'schema'",
    "TaskName": "schema",
    "TotalReadoutTime": 0.0883478,
    "dataset": "ds002345",
    "modality": "bold",
    "run_id": 1,
    "subject_id": "199",
    "task_id": "schema"
  },
  "dummy_trs": 1,
  "dvars_nstd": 31.899542519089064,
  "dvars_std": 0.974799618967611,
  "dvars_vstd": 0.9438425678137652,
  "efc": 0.5670258296584658,
  "fber": 321.6595458984375,
  "fd_mean": 0.12351135879452735,
  "fd_num": 31,
  "fd_perc": 6.262626262626263,
  "fwhm_avg": 2.871401666666667,
  "fwhm_x": 2.534665,
  "fwhm_y": 3.196245,
  "fwhm_z": 2.883295,
  "gcor": 0.0095434,
  "gsr_x": -0.00568212429061532,
  "gsr_y": 0.043232906609773636,
  "provenance": {
    "md5sum": "9b071bee38cebca7fe100169d73cb812",
    "settings": {
      "fd_thres": 0.2,
      "testing": false
    },
    "software": "mriqc",
    "version": "22.0.0rc1",
    "webapi_port": null,
    "webapi_url": "https://mriqc.nimh.nih.gov/api/v1"
  },
  "size_t": 495,
  "size_x": 96,
  "size_y": 96,
  "size_z": 60,
  "snr": 2.360584616704417,
  "spacing_tr": 1.5,
  "spacing_x": 2.0,
  "spacing_y": 2.0,
  "spacing_z": 2.0,
  "summary_bg_k": 85.22449518672953,
  "summary_bg_mad": 9.066338453966196,
  "summary_bg_mean": 39.64828109741211,
  "summary_bg_median": 26.462627410888672,
  "summary_bg_n": 329382.0,
  "summary_bg_p05": 18.571718215942383,
  "summary_bg_p95": 99.04404487609872,
  "summary_bg_stdv": 45.79228591918945,
  "summary_fg_k": 1.918675899197674,
  "summary_fg_mad": 184.11220211543554,
  "summary_fg_mean": 523.06640625,
  "summary_fg_median": 491.4909362792969,
  "summary_fg_n": 135781.0,
  "summary_fg_p05": 250.3414306640625,
  "summary_fg_p95": 904.5374145507812,
  "summary_fg_stdv": 208.20652770996094,
  "tsnr": 31.360206173034385
}