{
  "aor": 0.00032086497890295357,
  "aqi": 0.008023793987341772,
  "bids_meta": {
    "CogAtlasID": "https://www.cognitiveatlas.org/task/id/trm_4c8991fadfe01",
    "DeviceSerialNumber": "45031",
    "DwellTime": 5.4e-06,
    "EchoTime": 0.028,
    "EffectiveEchoSpacing": 0.000390001,
    "FlipAngle": 64,
    "InstitutionAddress": "Washington Rd, Princeton, NJ 08540, USA",
    "InstitutionName": "Princeton University",
    "InstitutionalDepartmentName": "Princeton Neuroscience Institute",
    "MagneticFieldStrength": 3,
    "Manufacturer": "Siemens",
    "ManufacturersModelName": "Skyra",
    "NumberOfVolumesDiscardedByScanner": 3,
    "ParallelReductionFactorInPlane": 2,
    "ParallelReductionType": "GRAPPA",
    "PartialFourier": 1,
    "PhaseEncodingDirection": "j-",
    "PixelBandwidth": 1445,
    "PulseSequenceDetails": "%SiemensSeq%_ep2d_bold",
    "PulseSequenceType": "Gradient Echo EPI",
    "ReceiveCoilActiveElements": "HE1-4",
    "ReceiveCoilName": "HeadNeck_20",
    "RepetitionTime": 1.5,
    "ScanOptions": "FS",
    "ScanningSequence": "EP",
    "SequenceName": "_epfid2d1_64",
    "SequenceVariant": "SK",
    "SliceTiming": [
      0,
      0.7775,
      0.055,
      0.8325,
      0.11,
      0.8875,
      0.165,
      0.9425,
      0.22,
      0.9975,
      0.2775,
      1.055,
      0.3325,
      1.11,
      0.3875,
      1.165,
      0.4425,
      1.22,
      0.5,
      1.2775,
      0.555,
      1.3325,
      0.61,
      1.3875,
      0.665,
      1.4425,
      0.72
    ],
    "SoftwareVersions": "syngo_MR_D11",
    "StationName": "AWP45031",
    "TaskDescription": "Passively listened to audio story 'prettymouth'",
    "TaskName": "prettymouth",
    "TotalReadoutTime": 0.0245701,
    "dataset": "ds002345",
    "modality": "bold",
    "subject_id": "111",
    "task_id": "prettymouth"
  },
  "dummy_trs": 1,
  "dvars_nstd": 22.725410663065542,
  "dvars_std": 1.2871362762579284,
  "dvars_vstd": 0.9927096538689213,
  "efc": 0.6083438166149907,
  "fber": 1708.6068115234375,
  "fd_mean": 0.10611209217026733,
  "fd_num": 5,
  "fd_perc": 1.0548523206751055,
  "fwhm_avg": 1.6623672107944998,
  "fwhm_x": 1.6368966666666667,
  "fwhm_y": 1.8375701460369545,
  "fwhm_z": 1.5126348196798778,
  "gcor": 0.0776877,
  "gsr_x": -0.008386039175093174,
  "gsr_y": 0.051315970718860626,
  "provenance": {
    "md5sum": "bf84f54ecfe01d7f4776175651707e2a",
    "settings": {
      "fd_thres": 0.2,
      "testing": false
    },
    "software": "mriqc",
    "version": "22.0.0rc1",
    "webapi_port": null,
    "webapi_url": "https://mriqc.nimh.nih.gov/api/v1"
  },
  "size_t": 474,
  "size_x": 64,
  "size_y": 64,
  "size_z": 27,
  "snr": 7.285593717024828,
  "spacing_tr": 1.5,
  "spacing_x": 3.0,
  "spacing_y": 2.999999761581421,
  "spacing_z": 4.000000476837158,
  "summary_bg_k": 25.768849088778225,
  "summary_bg_mad": 11.863943924406964,
  "summary_bg_mean": 45.17314529418945,
  "summary_bg_median": 16.997888565063477,
  "summary_bg_n": 53265.0,
  "summary_bg_p05": 7.282700061798096,
  "summary_bg_p95": 183.92150878906244,
  "summary_bg_stdv": 76.76873016357422,
  "summary_fg_k": 3.1767492290459787,
  "summary_fg_mad": 89.35180438721696,
  "summary_fg_mean": 742.2839965820312,
  "summary_fg_median": 734.921875,
  "summary_fg_n": 29242.0,
  "summary_fg_p05": 606.128872680664,
  "summary_fg_p95": 909.0785156249996,
  "summary_fg_stdv": 100.87157440185547,
  "tsnr": 68.8875474804081
}