{
  "aor": 0.001614,
  "aqi": 0.006889371200000001,
  "bids_meta": {
    "CogAtlasID": "https://www.cognitiveatlas.org/task/id/trm_4c8991fadfe01",
    "DeviceSerialNumber": "45031",
    "DwellTime": 5.4e-06,
    "EchoTime": 0.028,
    "EffectiveEchoSpacing": 0.000390001,
    "FlipAngle": 64,
    "InstitutionAddress": "Washington Rd, Princeton, NJ 08540, USA",
    "InstitutionName": "Princeton University",
    "InstitutionalDepartmentName": "Princeton Neuroscience Institute",
    "MagneticFieldStrength": 3,
    "Manufacturer": "Siemens",
    "ManufacturersModelName": "Skyra",
    "NumberOfVolumesDiscardedByScanner": 3,
    "ParallelReductionFactorInPlane": 2,
    "ParallelReductionType": "GRAPPA",
    "PartialFourier": 1,
    "PhaseEncodingDirection": "j-",
    "PixelBandwidth": 1445,
    "PulseSequenceDetails": "%SiemensSeq%_ep2d_bold",
    "PulseSequenceType": "Gradient Echo EPI",
    "ReceiveCoilActiveElements": "HE1-4",
    "ReceiveCoilName": "HeadNeck_20",
    "RepetitionTime": 1.5,
    "ScanOptions": "FS",
    "ScanningSequence": "EP",
    "SequenceName": "_epfid2d1_64",
    "SequenceVariant": "SK",
    "SliceTiming": [
      0,
      0.7775,
      0.055,
      0.8325,
      0.11,
      0.8875,
      0.165,
      0.9425,
      0.2225,
      1,
      0.2775,
      1.055,
      0.3325,
      1.11,
      0.3875,
      1.165,
      0.445,
      1.2225,
      0.5,
      1.2775,
      0.555,
      1.3325,
      0.61,
      1.3875,
      0.665,
      1.4425,
      0.7225
    ],
    "SoftwareVersions": "syngo_MR_D11",
    "StationName": "AWP45031",
    "TaskDescription": "Passively listened to audio story 'notthefall'",
    "TaskName": "notthefall",
    "TotalReadoutTime": 0.0245701,
    "dataset": "ds002345",
    "modality": "bold",
    "subject_id": "145",
    "task_id": "notthefall"
  },
  "dummy_trs": 0,
  "dvars_nstd": 25.136979607343395,
  "dvars_std": 1.3289298017042595,
  "dvars_vstd": 1.0175336386967415,
  "efc": 0.6813060818693895,
  "fber": 877.403564453125,
  "fd_mean": 0.10220058061766235,
  "fd_num": 16,
  "fd_perc": 4.0,
  "fwhm_avg": 1.7786562859570314,
  "fwhm_x": 1.7143333333333333,
  "fwhm_y": 1.986139842155787,
  "fwhm_z": 1.6354956823819742,
  "gcor": 0.0465318,
  "gsr_x": -0.013525931164622307,
  "gsr_y": 0.0697789266705513,
  "provenance": {
    "md5sum": "b3afa9b978f55a1e92b0d73f8bfa5df3",
    "settings": {
      "fd_thres": 0.2,
      "testing": false
    },
    "software": "mriqc",
    "version": "22.0.0rc1",
    "webapi_port": null,
    "webapi_url": "https://mriqc.nimh.nih.gov/api/v1"
  },
  "size_t": 400,
  "size_x": 64,
  "size_y": 64,
  "size_z": 27,
  "snr": 7.173545616264025,
  "spacing_tr": 1.5,
  "spacing_x": 3.0,
  "spacing_y": 3.000000238418579,
  "spacing_z": 3.9999983310699463,
  "summary_bg_k": 8.114483162829945,
  "summary_bg_mad": 18.671520275385266,
  "summary_bg_mean": 69.1762924194336,
  "summary_bg_median": 22.31624984741211,
  "summary_bg_n": 45078.0,
  "summary_bg_p05": 8.394999504089355,
  "summary_bg_p95": 296.1258712768555,
  "summary_bg_stdv": 100.05934143066406,
  "summary_fg_k": 2.7986632667125386,
  "summary_fg_mad": 92.86651455981625,
  "summary_fg_mean": 741.2937622070312,
  "summary_fg_median": 730.5374755859375,
  "summary_fg_n": 35951.0,
  "summary_fg_p05": 606.3249816894531,
  "summary_fg_p95": 914.9312438964844,
  "summary_fg_stdv": 101.83629608154297,
  "tsnr": 74.3847322142683
}