{
  "bids_meta": {
    "DeviceSerialNumber": "45031",
    "DwellTime": 8.2e-06,
    "EchoTime": 0.00308,
    "FlipAngle": 9,
    "InstitutionAddress": "Washington Rd, Building 25, Princeton, NJ 08540, USA",
    "InstitutionName": "Princeton University",
    "InstitutionalDepartmentName": "Princeton Neuroscience Institute",
    "InversionTime": 0.9,
    "MagneticFieldStrength": 3,
    "Manufacturer": "Siemens",
    "ManufacturersModelName": "Skyra",
    "ParallelReductionFactorInPlane": 2,
    "ParellelReductionType": "TODO",
    "PartialFourier": 1,
    "PixelBandwidth": 240,
    "PulseSequenceDetails": "%SiemensSeq%_tfl",
    "PulseSequenceType": "MPRAGE",
    "ReceiveCoilActiveElements": "HE1-4",
    "ReceiveCoilName": "HeadNeck_20",
    "RepetitionTime": 2.3,
    "ScanOptions": "IR",
    "ScanningSequence": "GR_IR",
    "SequenceName": "_tfl3d1_16ns",
    "SequenceVariant": "SK_SP_MP",
    "SoftwareVersions": "syngo_MR_E11",
    "StationName": "AWP45031",
    "dataset": "ds002345",
    "modality": "T1w",
    "run_id": 1,
    "subject_id": "127"
  },
  "cjv": 0.508160117000547,
  "cnr": 2.5874078051882967,
  "efc": 0.6333757496929353,
  "fber": 867.195262418693,
  "fwhm_avg": 3.2913849401182156,
  "fwhm_x": 3.2499220930819206,
  "fwhm_y": 3.4922589090909093,
  "fwhm_z": 3.131973818181818,
  "icvs_csf": 0.19026374682067526,
  "icvs_gm": 0.4219514980620862,
  "icvs_wm": 0.38778475511723853,
  "inu_med": 1.2642967700958252,
  "inu_range": 0.38785734176635756,
  "provenance": {
    "md5sum": "69a95f1f39376de728ede389b7368857",
    "settings": {
      "testing": false
    },
    "software": "mriqc",
    "version": "22.0.0rc1",
    "warnings": {
      "large_rot_frame": true,
      "small_air_mask": false
    },
    "webapi_port": null,
    "webapi_url": "https://mriqc.nimh.nih.gov/api/v1"
  },
  "qi_1": 0.0,
  "qi_2": 0.0036618120890815156,
  "rpve_csf": 19.550620342330376,
  "rpve_gm": 9.639524078010474,
  "rpve_wm": 12.560865952593174,
  "size_x": 192,
  "size_y": 256,
  "size_z": 256,
  "snr_csf": 2.811644028124591,
  "snr_gm": 9.1109236198468,
  "snr_total": 9.83184049095894,
  "snr_wm": 17.572953824905433,
  "snrd_csf": 21.48309756214211,
  "snrd_gm": 37.641162505032376,
  "snrd_total": 36.654981423519935,
  "snrd_wm": 50.840684203385315,
  "spacing_x": 0.9000000357627869,
  "spacing_y": 0.859375,
  "spacing_z": 0.859375,
  "summary_bg_k": 2.7396328699549013,
  "summary_bg_mad": 12.886065030703008,
  "summary_bg_mean": 23.23876711862401,
  "summary_bg_median": 21.185577034950256,
  "summary_bg_n": 2418786.0,
  "summary_bg_p05": 5.296394258737564,
  "summary_bg_p95": 51.266380324959755,
  "summary_bg_stdv": 15.062600449771306,
  "summary_csf_k": 31.431816859139175,
  "summary_csf_mad": 151.20991934465562,
  "summary_csf_mean": 417.1162611108176,
  "summary_csf_median": 422.5571983605623,
  "summary_csf_n": 25986.0,
  "summary_csf_p05": 212.8743077069521,
  "summary_csf_p95": 608.457241717726,
  "summary_csf_stdv": 150.2854072484665,
  "summary_gm_k": 0.13935094145184523,
  "summary_gm_mad": 77.26605399269187,
  "summary_gm_mean": 744.3951150222905,
  "summary_gm_median": 740.3748051300645,
  "summary_gm_n": 31414.0,
  "summary_gm_p05": 616.2830037474632,
  "summary_gm_p95": 887.0339992292224,
  "summary_gm_stdv": 81.26102816512113,
  "summary_wm_k": 0.3768437939784568,
  "summary_wm_mad": 54.665103997435416,
  "summary_wm_mean": 999.5581143165713,
  "summary_wm_median": 999.9999775439501,
  "summary_wm_n": 356016.0,
  "summary_wm_p05": 905.208100810647,
  "summary_wm_p95": 1091.8041446954012,
  "summary_wm_stdv": 56.90554832588683,
  "tpm_overlap_csf": 0.17475168406963348,
  "tpm_overlap_gm": 0.44005289673805237,
  "tpm_overlap_wm": 0.505556046962738,
  "wm2max": 0.48728524496008674
}