{
  "aor": 0.005687837837837838,
  "aqi": 0.00851081945945946,
  "bids_meta": {
    "CogAtlasID": "https://www.cognitiveatlas.org/task/id/trm_4c8991fadfe01",
    "DeviceSerialNumber": "45031",
    "DwellTime": 5.4e-06,
    "EchoTime": 0.028,
    "EffectiveEchoSpacing": 0.000390001,
    "FlipAngle": 64,
    "InstitutionAddress": "Washington Rd, Princeton, NJ 08540, USA",
    "InstitutionName": "Princeton University",
    "InstitutionalDepartmentName": "Princeton Neuroscience Institute",
    "MagneticFieldStrength": 3,
    "Manufacturer": "Siemens",
    "ManufacturersModelName": "Skyra",
    "NumberOfVolumesDiscardedByScanner": 3,
    "ParallelReductionFactorInPlane": 2,
    "ParallelReductionType": "GRAPPA",
    "PartialFourier": 1,
    "PhaseEncodingDirection": "j-",
    "PixelBandwidth": 1445,
    "PulseSequenceDetails": "%SiemensSeq%_ep2d_bold",
    "PulseSequenceType": "Gradient Echo EPI",
    "ReceiveCoilActiveElements": "HE1-4",
    "ReceiveCoilName": "HeadNeck_20",
    "RepetitionTime": 1.5,
    "ScanOptions": "FS",
    "ScanningSequence": "EP",
    "SequenceName": "_epfid2d1_64",
    "SequenceVariant": "SK",
    "SliceTiming": [
      0,
      0.7775,
      0.055,
      0.8325,
      0.11,
      0.8875,
      0.165,
      0.9425,
      0.22,
      0.9975,
      0.2775,
      1.055,
      0.3325,
      1.11,
      0.3875,
      1.165,
      0.4425,
      1.22,
      0.5,
      1.2775,
      0.555,
      1.3325,
      0.61,
      1.3875,
      0.665,
      1.4425,
      0.72
    ],
    "SoftwareVersions": "syngo_MR_D11",
    "StationName": "AWP45031",
    "TaskDescription": "Passively listened to audio story 'milkyway'",
    "TaskName": "milkyway",
    "TotalReadoutTime": 0.0245701,
    "dataset": "ds002345",
    "modality": "bold",
    "subject_id": "097",
    "task_id": "milkyway"
  },
  "dummy_trs": 1,
  "dvars_nstd": 23.84159735338984,
  "dvars_std": 1.2253877828813555,
  "dvars_vstd": 1.0136922111186437,
  "efc": 0.6145718200906479,
  "fber": 1447.640869140625,
  "fd_mean": 0.16832992711656622,
  "fd_num": 46,
  "fd_perc": 15.54054054054054,
  "fwhm_avg": 1.7423404933471887,
  "fwhm_x": 1.6805033333333332,
  "fwhm_y": 1.9809933333333334,
  "fwhm_z": 1.5655248133748993,
  "gcor": 0.046004,
  "gsr_x": -0.008380807004868984,
  "gsr_y": 0.060496341437101364,
  "provenance": {
    "md5sum": "6d15ca2cb735724ad8a2e245b5622382",
    "settings": {
      "fd_thres": 0.2,
      "testing": false
    },
    "software": "mriqc",
    "version": "21.0.0rc2",
    "webapi_port": null,
    "webapi_url": "https://mriqc.nimh.nih.gov/api/v1"
  },
  "size_t": 296,
  "size_x": 64,
  "size_y": 64,
  "size_z": 27,
  "snr": 6.8078142891687605,
  "spacing_tr": 1.5,
  "spacing_x": 3.0,
  "spacing_y": 3.0,
  "spacing_z": 4.000000476837158,
  "summary_bg_k": 14.86121544308142,
  "summary_bg_mad": 15.427078017427267,
  "summary_bg_mean": 58.09761428833008,
  "summary_bg_median": 19.175676345825195,
  "summary_bg_n": 53948.0,
  "summary_bg_p05": 7.246621608734131,
  "summary_bg_p95": 245.44680099487294,
  "summary_bg_stdv": 91.93146514892578,
  "summary_fg_k": 2.3376636664680603,
  "summary_fg_mad": 101.95894548713707,
  "summary_fg_mean": 781.5093383789062,
  "summary_fg_median": 772.0371704101562,
  "summary_fg_n": 28451.0,
  "summary_fg_p05": 625.814208984375,
  "summary_fg_p95": 971.0540771484375,
  "summary_fg_stdv": 113.4025650024414,
  "tsnr": 64.26578614325263
}