{
  "aor": 0.0004050602409638554,
  "aqi": 0.007502427248995984,
  "bids_meta": {
    "CogAtlasID": "https://www.cognitiveatlas.org/task/id/trm_4c8991fadfe01",
    "DeviceSerialNumber": "66018",
    "DwellTime": 4.2e-06,
    "EchoTime": 0.039,
    "EffectiveEchoSpacing": 0.000929976,
    "FlipAngle": 50,
    "InstitutionAddress": "Washington Rd, Princeton, NJ 08540, USA",
    "InstitutionName": "Princeton University",
    "InstitutionalDepartmentName": "Princeton Neuroscience Institute",
    "MagneticFieldStrength": 3,
    "Manufacturer": "Siemens",
    "ManufacturersModelName": "Prisma",
    "NumberOfVolumesDiscardedByScanner": 3,
    "ParallelReductionType": "GRAPPA",
    "PartialFourier": 0.75,
    "PhaseEncodingDirection": "j-",
    "PixelBandwidth": 1240,
    "PulseSequenceDetails": "%CustomerSeq%_ep2d_bold_sms_mgh_v22",
    "PulseSequenceType": "Gradient Echo EPI",
    "ReceiveCoilActiveElements": "HC1-7;NC1,2",
    "ReceiveCoilName": "HeadNeck_64",
    "RepetitionTime": 1.5,
    "ScanOptions": "PFP_FS",
    "ScanningSequence": "EP",
    "SequenceName": "epfSM2d1_96",
    "SequenceVariant": "SK",
    "SliceTiming": [
      0.6925,
      0,
      0.79,
      0.1,
      0.8875,
      0.1975,
      0.9875,
      0.2975,
      1.085,
      0.395,
      1.185,
      0.495,
      1.2825,
      0.5925,
      1.3825,
      0.6925,
      0,
      0.79,
      0.1,
      0.8875,
      0.1975,
      0.9875,
      0.2975,
      1.085,
      0.395,
      1.185,
      0.495,
      1.2825,
      0.5925,
      1.3825,
      0.6925,
      0,
      0.79,
      0.1,
      0.8875,
      0.1975,
      0.9875,
      0.2975,
      1.085,
      0.395,
      1.185,
      0.495,
      1.2825,
      0.5925,
      1.3825,
      0.6925,
      0,
      0.79,
      0.1,
      0.8875,
      0.1975,
      0.9875,
      0.2975,
      1.085,
      0.395,
      1.185,
      0.495,
      1.2825,
      0.5925,
      1.3825
    ],
    "SoftwareVersions": "syngo_MR_D13D",
    "StationName": "AWP66018",
    "TaskDescription": "Passively listened to audio story 'schema'",
    "TaskName": "schema",
    "TotalReadoutTime": 0.0883478,
    "dataset": "ds002345",
    "modality": "bold",
    "run_id": 1,
    "subject_id": "194",
    "task_id": "schema"
  },
  "dummy_trs": 1,
  "dvars_nstd": 37.3170746705634,
  "dvars_std": 1.0299488777867212,
  "dvars_vstd": 0.9629912501810866,
  "efc": 0.5643551069747652,
  "fber": 287.4106750488281,
  "fd_mean": 0.12775038360224786,
  "fd_num": 43,
  "fd_perc": 8.634538152610443,
  "fwhm_avg": 2.892535,
  "fwhm_x": 2.75725,
  "fwhm_y": 3.01381,
  "fwhm_z": 2.906545,
  "gcor": 0.0103859,
  "gsr_x": -0.004010040313005447,
  "gsr_y": 0.04273853451013565,
  "provenance": {
    "md5sum": "c9881ccb493a668624912e1ddba46c11",
    "settings": {
      "fd_thres": 0.2,
      "testing": false
    },
    "software": "mriqc",
    "version": "22.0.0rc1",
    "webapi_port": null,
    "webapi_url": "https://mriqc.nimh.nih.gov/api/v1"
  },
  "size_t": 498,
  "size_x": 96,
  "size_y": 96,
  "size_z": 60,
  "snr": 2.063916705098823,
  "spacing_tr": 1.5,
  "spacing_x": 2.0,
  "spacing_y": 2.0,
  "spacing_z": 2.0,
  "summary_bg_k": 57.138376091158435,
  "summary_bg_mad": 8.139426455629433,
  "summary_bg_mean": 42.15876770019531,
  "summary_bg_median": 26.495983123779297,
  "summary_bg_n": 327074.0,
  "summary_bg_p05": 19.590360641479492,
  "summary_bg_p95": 117.45672378540006,
  "summary_bg_stdv": 50.4853515625,
  "summary_fg_k": 4.583899344143329,
  "summary_fg_mad": 186.4431787509971,
  "summary_fg_mean": 509.9400329589844,
  "summary_fg_median": 466.3052062988281,
  "summary_fg_n": 138298.0,
  "summary_fg_p05": 241.74808883666992,
  "summary_fg_p95": 930.2559020996093,
  "summary_fg_stdv": 225.93136596679688,
  "tsnr": 33.08656895253807
}