{
  "aor": 0.0007440503875968991,
  "aqi": 0.006307432926356589,
  "bids_meta": {
    "CogAtlasID": "https://www.cognitiveatlas.org/task/id/trm_4c8991fadfe01",
    "DeviceSerialNumber": "66018",
    "DwellTime": 4.2e-06,
    "EchoTime": 0.039,
    "EffectiveEchoSpacing": 0.000929976,
    "FlipAngle": 50,
    "InstitutionAddress": "Washington Rd, Princeton, NJ 08540, USA",
    "InstitutionName": "Princeton University",
    "InstitutionalDepartmentName": "Princeton Neuroscience Institute",
    "MagneticFieldStrength": 3,
    "Manufacturer": "Siemens",
    "ManufacturersModelName": "Prisma",
    "NumberOfVolumesDiscardedByScanner": 3,
    "ParallelReductionType": "GRAPPA",
    "PartialFourier": 0.75,
    "PhaseEncodingDirection": "j-",
    "PixelBandwidth": 1240,
    "PulseSequenceDetails": "%CustomerSeq%_ep2d_bold_sms_mgh_v22",
    "PulseSequenceType": "Gradient Echo EPI",
    "ReceiveCoilActiveElements": "HC1-7;NC1,2",
    "ReceiveCoilName": "HeadNeck_64",
    "RepetitionTime": 1.5,
    "ScanOptions": "PFP_FS",
    "ScanningSequence": "EP",
    "SequenceName": "epfSM2d1_96",
    "SequenceVariant": "SK",
    "SliceTiming": [
      0.6925,
      0,
      0.79,
      0.1,
      0.8875,
      0.1975,
      0.9875,
      0.2975,
      1.085,
      0.395,
      1.185,
      0.495,
      1.2825,
      0.5925,
      1.3825,
      0.6925,
      0,
      0.79,
      0.1,
      0.8875,
      0.1975,
      0.9875,
      0.2975,
      1.085,
      0.395,
      1.185,
      0.495,
      1.2825,
      0.5925,
      1.3825,
      0.6925,
      0,
      0.79,
      0.1,
      0.8875,
      0.1975,
      0.9875,
      0.2975,
      1.085,
      0.395,
      1.185,
      0.495,
      1.2825,
      0.5925,
      1.3825,
      0.6925,
      0,
      0.79,
      0.1,
      0.8875,
      0.1975,
      0.9875,
      0.2975,
      1.085,
      0.395,
      1.185,
      0.495,
      1.2825,
      0.5925,
      1.3825
    ],
    "SoftwareVersions": "syngo_MR_D13D",
    "StationName": "AWP66018",
    "TaskDescription": "Passively listened to audio story 'schema'",
    "TaskName": "schema",
    "TotalReadoutTime": 0.0883478,
    "dataset": "ds002345",
    "modality": "bold",
    "run_id": 3,
    "subject_id": "194",
    "task_id": "schema"
  },
  "dummy_trs": 1,
  "dvars_nstd": 35.87669901060194,
  "dvars_std": 1.0374660824854358,
  "dvars_vstd": 0.9779290772038826,
  "efc": 0.5665682780834478,
  "fber": 282.2076721191406,
  "fd_mean": 0.14590817936146497,
  "fd_num": 92,
  "fd_perc": 17.829457364341085,
  "fwhm_avg": 2.927948333333333,
  "fwhm_x": 2.800455,
  "fwhm_y": 3.04018,
  "fwhm_z": 2.94321,
  "gcor": 0.00637714,
  "gsr_x": -0.004029517062008381,
  "gsr_y": 0.04228860139846802,
  "provenance": {
    "md5sum": "2a85d6dc23cf1fdc1f21d7fec31e3306",
    "settings": {
      "fd_thres": 0.2,
      "testing": false
    },
    "software": "mriqc",
    "version": "22.0.0rc1",
    "webapi_port": null,
    "webapi_url": "https://mriqc.nimh.nih.gov/api/v1"
  },
  "size_t": 516,
  "size_x": 96,
  "size_y": 96,
  "size_z": 60,
  "snr": 2.0319968919677174,
  "spacing_tr": 1.5,
  "spacing_x": 2.0,
  "spacing_y": 2.0,
  "spacing_z": 2.0,
  "summary_bg_k": 53.775697156891354,
  "summary_bg_mad": 8.191665131285664,
  "summary_bg_mean": 43.32587814331055,
  "summary_bg_median": 26.645349502563477,
  "summary_bg_n": 325215.0,
  "summary_bg_p05": 19.831396102905273,
  "summary_bg_p95": 123.02325439453125,
  "summary_bg_stdv": 52.937660217285156,
  "summary_fg_k": 4.937748177750969,
  "summary_fg_mad": 187.36530321737445,
  "summary_fg_mean": 509.8352966308594,
  "summary_fg_median": 465.2606506347656,
  "summary_fg_n": 139452.0,
  "summary_fg_p05": 238.68818206787108,
  "summary_fg_p95": 935.5005645751949,
  "summary_fg_stdv": 228.9663848876953,
  "tsnr": 34.762420237995684
}