{
  "aor": 0.000432638036809816,
  "aqi": 0.005778203312883435,
  "bids_meta": {
    "CogAtlasID": "https://www.cognitiveatlas.org/task/id/trm_4c8991fadfe01",
    "DeviceSerialNumber": "66018",
    "DwellTime": 4.2e-06,
    "EchoTime": 0.039,
    "EffectiveEchoSpacing": 0.000929976,
    "FlipAngle": 50,
    "InstitutionAddress": "Washington Rd, Princeton, NJ 08540, USA",
    "InstitutionName": "Princeton University",
    "InstitutionalDepartmentName": "Princeton Neuroscience Institute",
    "MagneticFieldStrength": 3,
    "Manufacturer": "Siemens",
    "ManufacturersModelName": "Prisma",
    "NumberOfVolumesDiscardedByScanner": 3,
    "ParallelReductionType": "GRAPPA",
    "PartialFourier": 0.75,
    "PhaseEncodingDirection": "j-",
    "PixelBandwidth": 1240,
    "PulseSequenceDetails": "%CustomerSeq%_ep2d_bold_sms_mgh_v22",
    "PulseSequenceType": "Gradient Echo EPI",
    "ReceiveCoilActiveElements": "HC1-7;NC1,2",
    "ReceiveCoilName": "HeadNeck_64",
    "RepetitionTime": 1.5,
    "ScanOptions": "PFP_FS",
    "ScanningSequence": "EP",
    "SequenceName": "epfSM2d1_96",
    "SequenceVariant": "SK",
    "SliceTiming": [
      0.6925,
      0,
      0.79,
      0.1,
      0.8875,
      0.1975,
      0.9875,
      0.2975,
      1.085,
      0.395,
      1.185,
      0.495,
      1.2825,
      0.5925,
      1.3825,
      0.6925,
      0,
      0.79,
      0.1,
      0.8875,
      0.1975,
      0.9875,
      0.2975,
      1.085,
      0.395,
      1.185,
      0.495,
      1.2825,
      0.5925,
      1.3825,
      0.6925,
      0,
      0.79,
      0.1,
      0.8875,
      0.1975,
      0.9875,
      0.2975,
      1.085,
      0.395,
      1.185,
      0.495,
      1.2825,
      0.5925,
      1.3825,
      0.6925,
      0,
      0.79,
      0.1,
      0.8875,
      0.1975,
      0.9875,
      0.2975,
      1.085,
      0.395,
      1.185,
      0.495,
      1.2825,
      0.5925,
      1.3825
    ],
    "SoftwareVersions": "syngo_MR_D13D",
    "StationName": "AWP66018",
    "TaskDescription": "Passively listened to audio story 'schema'",
    "TaskName": "schema",
    "TotalReadoutTime": 0.0883478,
    "dataset": "ds002345",
    "modality": "bold",
    "run_id": 4,
    "subject_id": "194",
    "task_id": "schema"
  },
  "dummy_trs": 2,
  "dvars_nstd": 37.131890113319685,
  "dvars_std": 1.0584073156557383,
  "dvars_vstd": 0.9860516912909826,
  "efc": 0.567664038128417,
  "fber": 274.4488525390625,
  "fd_mean": 0.1549079187582936,
  "fd_num": 116,
  "fd_perc": 23.721881390593047,
  "fwhm_avg": 2.938416666666667,
  "fwhm_x": 2.814905,
  "fwhm_y": 3.05406,
  "fwhm_z": 2.946285,
  "gcor": 0.0102627,
  "gsr_x": -0.003414975246414542,
  "gsr_y": 0.036953721195459366,
  "provenance": {
    "md5sum": "01705705cbb9cb9850a9adce0e4b933d",
    "settings": {
      "fd_thres": 0.2,
      "testing": false
    },
    "software": "mriqc",
    "version": "22.0.0rc1",
    "webapi_port": null,
    "webapi_url": "https://mriqc.nimh.nih.gov/api/v1"
  },
  "size_t": 489,
  "size_x": 96,
  "size_y": 96,
  "size_z": 60,
  "snr": 2.0224990308372637,
  "spacing_tr": 1.5,
  "spacing_x": 2.0,
  "spacing_y": 2.0,
  "spacing_z": 2.0,
  "summary_bg_k": 53.35525357954353,
  "summary_bg_mad": 8.237688216128687,
  "summary_bg_mean": 43.23990249633789,
  "summary_bg_median": 26.983638763427734,
  "summary_bg_n": 323589.0,
  "summary_bg_p05": 20.159509658813477,
  "summary_bg_p95": 122.9026580810545,
  "summary_bg_stdv": 50.70717239379883,
  "summary_fg_k": 5.347317929676112,
  "summary_fg_mad": 188.90443959945497,
  "summary_fg_mean": 512.0311279296875,
  "summary_fg_median": 467.1492614746094,
  "summary_fg_n": 139750.0,
  "summary_fg_p05": 239.35581970214844,
  "summary_fg_p95": 938.3516296386716,
  "summary_fg_stdv": 230.97543334960938,
  "tsnr": 35.02251617750153
}