{
  "aor": 0.0005532991803278689,
  "aqi": 0.004754487028688525,
  "bids_meta": {
    "CogAtlasID": "https://www.cognitiveatlas.org/task/id/trm_4c8991fadfe01",
    "DeviceSerialNumber": "66018",
    "DwellTime": 4.2e-06,
    "EchoTime": 0.039,
    "EffectiveEchoSpacing": 0.000929976,
    "FlipAngle": 50,
    "InstitutionAddress": "Washington Rd, Princeton, NJ 08540, USA",
    "InstitutionName": "Princeton University",
    "InstitutionalDepartmentName": "Princeton Neuroscience Institute",
    "MagneticFieldStrength": 3,
    "Manufacturer": "Siemens",
    "ManufacturersModelName": "Prisma",
    "NumberOfVolumesDiscardedByScanner": 3,
    "ParallelReductionType": "GRAPPA",
    "PartialFourier": 0.75,
    "PhaseEncodingDirection": "j-",
    "PixelBandwidth": 1240,
    "PulseSequenceDetails": "%CustomerSeq%_ep2d_bold_sms_mgh_v22",
    "PulseSequenceType": "Gradient Echo EPI",
    "ReceiveCoilActiveElements": "HC1-7;NC1,2",
    "ReceiveCoilName": "HeadNeck_64",
    "RepetitionTime": 1.5,
    "ScanOptions": "PFP_FS",
    "ScanningSequence": "EP",
    "SequenceName": "epfSM2d1_96",
    "SequenceVariant": "SK",
    "SliceTiming": [
      0.6925,
      0,
      0.79,
      0.1,
      0.8875,
      0.1975,
      0.9875,
      0.2975,
      1.085,
      0.395,
      1.185,
      0.495,
      1.2825,
      0.5925,
      1.3825,
      0.6925,
      0,
      0.79,
      0.1,
      0.8875,
      0.1975,
      0.9875,
      0.2975,
      1.085,
      0.395,
      1.185,
      0.495,
      1.2825,
      0.5925,
      1.3825,
      0.6925,
      0,
      0.79,
      0.1,
      0.8875,
      0.1975,
      0.9875,
      0.2975,
      1.085,
      0.395,
      1.185,
      0.495,
      1.2825,
      0.5925,
      1.3825,
      0.6925,
      0,
      0.79,
      0.1,
      0.8875,
      0.1975,
      0.9875,
      0.2975,
      1.085,
      0.395,
      1.185,
      0.495,
      1.2825,
      0.5925,
      1.3825
    ],
    "SoftwareVersions": "syngo_MR_D13D",
    "StationName": "AWP66018",
    "TaskDescription": "Passively listened to audio story 'schema'",
    "TaskName": "schema",
    "TotalReadoutTime": 0.0883478,
    "dataset": "ds002345",
    "modality": "bold",
    "run_id": 2,
    "subject_id": "194",
    "task_id": "schema"
  },
  "dummy_trs": 1,
  "dvars_nstd": 36.299271115728956,
  "dvars_std": 1.0644441966324436,
  "dvars_vstd": 0.9908435304722786,
  "efc": 0.5651491928480138,
  "fber": 284.9454345703125,
  "fd_mean": 0.13357737662962887,
  "fd_num": 49,
  "fd_perc": 10.040983606557377,
  "fwhm_avg": 2.880715,
  "fwhm_x": 2.747425,
  "fwhm_y": 3.00185,
  "fwhm_z": 2.89287,
  "gcor": 0.00814201,
  "gsr_x": -0.0038416190072894096,
  "gsr_y": 0.04235639423131943,
  "provenance": {
    "md5sum": "b2f260e0074065a462ff5f8c745e36e4",
    "settings": {
      "fd_thres": 0.2,
      "testing": false
    },
    "software": "mriqc",
    "version": "22.0.0rc1",
    "webapi_port": null,
    "webapi_url": "https://mriqc.nimh.nih.gov/api/v1"
  },
  "size_t": 488,
  "size_x": 96,
  "size_y": 96,
  "size_z": 60,
  "snr": 2.064336203808803,
  "spacing_tr": 1.5,
  "spacing_x": 2.0,
  "spacing_y": 2.0,
  "spacing_z": 2.0,
  "summary_bg_k": 54.17977840628575,
  "summary_bg_mad": 7.865688782149284,
  "summary_bg_mean": 42.220611572265625,
  "summary_bg_median": 26.4426212310791,
  "summary_bg_n": 326903.0,
  "summary_bg_p05": 19.793031692504883,
  "summary_bg_p95": 118.55696258544907,
  "summary_bg_stdv": 50.7076301574707,
  "summary_fg_k": 4.683169458935441,
  "summary_fg_mad": 184.65383514637213,
  "summary_fg_mean": 507.2892761230469,
  "summary_fg_median": 463.8135070800781,
  "summary_fg_n": 138299.0,
  "summary_fg_p05": 240.6495819091797,
  "summary_fg_p95": 924.5173828125,
  "summary_fg_stdv": 224.67843627929688,
  "tsnr": 38.15654876176268
}