{
  "aor": 0.000656556927297668,
  "aqi": 0.020993151179698216,
  "bids_meta": {
    "CogAtlasID": "https://www.cognitiveatlas.org/task/id/trm_4c8991fadfe01",
    "DeviceSerialNumber": "45031",
    "DwellTime": 4.9e-06,
    "EchoTime": 0.028,
    "EffectiveEchoSpacing": 0.000355001,
    "FlipAngle": 64,
    "InstitutionAddress": "Washington Rd, Princeton, NJ 08540, USA",
    "InstitutionName": "Princeton University",
    "InstitutionalDepartmentName": "Princeton Neuroscience Institute",
    "MagneticFieldStrength": 3,
    "Manufacturer": "Siemens",
    "ManufacturersModelName": "Skyra",
    "NumberOfVolumesDiscardedByScanner": 3,
    "ParallelReductionFactorInPlane": 2,
    "ParallelReductionType": "GRAPPA",
    "PartialFourier": 1,
    "PhaseEncodingDirection": "j-",
    "PixelBandwidth": 1595,
    "PulseSequenceDetails": "%SiemensSeq%_ep2d_bold",
    "PulseSequenceType": "Gradient Echo EPI",
    "ReceiveCoilActiveElements": "HE1-4",
    "ReceiveCoilName": "HeadNeck_20",
    "RepetitionTime": 1.5,
    "ScanOptions": "FS",
    "ScanningSequence": "EP",
    "SequenceName": "_epfid2d1_64",
    "SequenceVariant": "SK",
    "SliceTiming": [
      0,
      0.7675,
      0.055,
      0.8225,
      0.1075,
      0.875,
      0.1625,
      0.93,
      0.2175,
      0.985,
      0.2725,
      1.04,
      0.3275,
      1.095,
      0.3825,
      1.15,
      0.4375,
      1.205,
      0.4925,
      1.26,
      0.5475,
      1.315,
      0.6025,
      1.37,
      0.6575,
      1.425,
      0.7125
    ],
    "SoftwareVersions": "syngo_MR_D13",
    "StationName": "AWP45031",
    "TaskDescription": "Passively listened to audio story 'sherlock'",
    "TaskName": "sherlock",
    "TotalReadoutTime": 0.022365,
    "dataset": "ds002345",
    "modality": "bold",
    "subject_id": "147",
    "task_id": "sherlock"
  },
  "dummy_trs": 0,
  "dvars_nstd": 24.016170305261003,
  "dvars_std": 1.1489603557554948,
  "dvars_vstd": 0.9585650820054953,
  "efc": 0.6456399002770568,
  "fber": 1108.5023193359375,
  "fd_mean": 0.1791126855053207,
  "fd_num": 246,
  "fd_perc": 33.74485596707819,
  "fwhm_avg": 1.6967408333333334,
  "fwhm_x": 1.6664700000000001,
  "fwhm_y": 1.91036,
  "fwhm_z": 1.5133925,
  "gcor": 0.0106332,
  "gsr_x": -0.02029438316822052,
  "gsr_y": 0.07893386483192444,
  "provenance": {
    "md5sum": "af4fb85a62437fa9b75cab20acf310b9",
    "settings": {
      "fd_thres": 0.2,
      "testing": false
    },
    "software": "mriqc",
    "version": "22.0.0rc1",
    "webapi_port": null,
    "webapi_url": "https://mriqc.nimh.nih.gov/api/v1"
  },
  "size_t": 729,
  "size_x": 64,
  "size_y": 64,
  "size_z": 27,
  "snr": 7.442567980686541,
  "spacing_tr": 1.5,
  "spacing_x": 3.0,
  "spacing_y": 3.0,
  "spacing_z": 4.0,
  "summary_bg_k": 20.33275858616147,
  "summary_bg_mad": 16.507931932365224,
  "summary_bg_mean": 58.14829635620117,
  "summary_bg_median": 20.145404815673828,
  "summary_bg_n": 49199.0,
  "summary_bg_p05": 7.628257751464844,
  "summary_bg_p95": 221.3310073852539,
  "summary_bg_stdv": 92.53555297851562,
  "summary_fg_k": 2.834928029971775,
  "summary_fg_mad": 86.32651402045187,
  "summary_fg_mean": 747.1294555664062,
  "summary_fg_median": 735.74072265625,
  "summary_fg_n": 32180.0,
  "summary_fg_p05": 618.4274291992188,
  "summary_fg_p95": 916.5615417480468,
  "summary_fg_stdv": 98.8542251586914,
  "tsnr": 52.546399656450376
}