{
  "aor": 0.000894826923076923,
  "aqi": 0.012673199423076924,
  "bids_meta": {
    "CogAtlasID": "https://www.cognitiveatlas.org/task/id/trm_4c8991fadfe01",
    "DeviceSerialNumber": "45031",
    "DwellTime": 5.4e-06,
    "EchoTime": 0.028,
    "EffectiveEchoSpacing": 0.000390001,
    "FlipAngle": 64,
    "InstitutionAddress": "Washington Rd, Princeton, NJ 08540, USA",
    "InstitutionName": "Princeton University",
    "InstitutionalDepartmentName": "Princeton Neuroscience Institute",
    "MagneticFieldStrength": 3,
    "Manufacturer": "Siemens",
    "ManufacturersModelName": "Skyra",
    "NumberOfVolumesDiscardedByScanner": 3,
    "ParallelReductionFactorInPlane": 2,
    "ParallelReductionType": "GRAPPA",
    "PartialFourier": 1,
    "PhaseEncodingDirection": "j-",
    "PixelBandwidth": 1445,
    "PulseSequenceDetails": "%SiemensSeq%_ep2d_bold",
    "PulseSequenceType": "Gradient Echo EPI",
    "ReceiveCoilActiveElements": "HE1-4",
    "ReceiveCoilName": "HeadNeck_20",
    "RepetitionTime": 1.5,
    "ScanOptions": "FS",
    "ScanningSequence": "EP",
    "SequenceName": "_epfid2d1_64",
    "SequenceVariant": "SK",
    "SliceTiming": [
      0,
      0.7775,
      0.055,
      0.8325,
      0.1125,
      0.89,
      0.1675,
      0.945,
      0.2225,
      1,
      0.2775,
      1.055,
      0.3325,
      1.11,
      0.39,
      1.1675,
      0.445,
      1.2225,
      0.5,
      1.2775,
      0.555,
      1.3325,
      0.6125,
      1.39,
      0.6675,
      1.445,
      0.7225
    ],
    "SoftwareVersions": "syngo_MR_D11",
    "StationName": "AWP45031",
    "TaskDescription": "Passively listened to audio story 'tunnel'",
    "TaskName": "tunnel",
    "TotalReadoutTime": 0.0245701,
    "dataset": "ds002345",
    "modality": "bold",
    "subject_id": "058",
    "task_id": "tunnel"
  },
  "dummy_trs": 0,
  "dvars_nstd": 21.543442200134766,
  "dvars_std": 1.191326047786332,
  "dvars_vstd": 0.950943643108759,
  "efc": 0.5740668193185183,
  "fber": 2233.72607421875,
  "fd_mean": 0.13917863835989855,
  "fd_num": 162,
  "fd_perc": 15.576923076923077,
  "fwhm_avg": 1.762213698503973,
  "fwhm_x": 1.70031,
  "fwhm_y": 1.9892666666666667,
  "fwhm_z": 1.5970644288452522,
  "gcor": 0.0760404,
  "gsr_x": -0.016831709071993828,
  "gsr_y": 0.04639020189642906,
  "provenance": {
    "md5sum": "09a53a042e4205c5f5cabedec2e07aa8",
    "settings": {
      "fd_thres": 0.2,
      "testing": false
    },
    "software": "mriqc",
    "version": "21.0.0rc2",
    "webapi_port": null,
    "webapi_url": "https://mriqc.nimh.nih.gov/api/v1"
  },
  "size_t": 1040,
  "size_x": 64,
  "size_y": 64,
  "size_z": 27,
  "snr": 6.694923806588684,
  "spacing_tr": 1.5,
  "spacing_x": 3.0,
  "spacing_y": 3.0,
  "spacing_z": 4.000001430511475,
  "summary_bg_k": 42.38651570134776,
  "summary_bg_mad": 9.855741109958156,
  "summary_bg_mean": 34.35413360595703,
  "summary_bg_median": 14.483173370361328,
  "summary_bg_n": 56360.0,
  "summary_bg_p05": 6.203845977783203,
  "summary_bg_p95": 115.54461250305164,
  "summary_bg_stdv": 66.45223999023438,
  "summary_fg_k": 1.5959256894813372,
  "summary_fg_mad": 102.34660832307934,
  "summary_fg_mean": 713.144775390625,
  "summary_fg_median": 706.2279052734375,
  "summary_fg_n": 26547.0,
  "summary_fg_p05": 563.9625854492188,
  "summary_fg_p95": 887.9525024414062,
  "summary_fg_stdv": 105.4850845336914,
  "tsnr": 56.69660363346338
}