{
  "aor": 0.0009612140575079873,
  "aqi": 0.007602115559105432,
  "bids_meta": {
    "CogAtlasID": "https://www.cognitiveatlas.org/task/id/trm_4c8991fadfe01",
    "DeviceSerialNumber": "66018",
    "DwellTime": 4.2e-06,
    "EchoTime": 0.039,
    "EffectiveEchoSpacing": 0.000929976,
    "FlipAngle": 50,
    "InstitutionAddress": "Washington Rd, Princeton, NJ 08540, USA",
    "InstitutionName": "Princeton University",
    "InstitutionalDepartmentName": "Princeton Neuroscience Institute",
    "MagneticFieldStrength": 3,
    "Manufacturer": "Siemens",
    "ManufacturersModelName": "Prisma",
    "NumberOfVolumesDiscardedByScanner": 3,
    "ParallelReductionType": "GRAPPA",
    "PartialFourier": 0.75,
    "PhaseEncodingDirection": "j-",
    "PixelBandwidth": 1240,
    "PulseSequenceDetails": "%CustomerSeq%_ep2d_bold_sms_mgh_v22",
    "PulseSequenceType": "Gradient Echo EPI",
    "ReceiveCoilActiveElements": "HC1-7;NC1,2",
    "ReceiveCoilName": "HeadNeck_64",
    "RepetitionTime": 1.5,
    "ScanOptions": "PFP_FS",
    "ScanningSequence": "EP",
    "SequenceName": "epfSM2d1_96",
    "SequenceVariant": "SK",
    "SliceTiming": [
      0.6925,
      0,
      0.79,
      0.1,
      0.8875,
      0.1975,
      0.9875,
      0.2975,
      1.085,
      0.395,
      1.185,
      0.495,
      1.2825,
      0.5925,
      1.3825,
      0.6925,
      0,
      0.79,
      0.1,
      0.8875,
      0.1975,
      0.9875,
      0.2975,
      1.085,
      0.395,
      1.185,
      0.495,
      1.2825,
      0.5925,
      1.3825,
      0.6925,
      0,
      0.79,
      0.1,
      0.8875,
      0.1975,
      0.9875,
      0.2975,
      1.085,
      0.395,
      1.185,
      0.495,
      1.2825,
      0.5925,
      1.3825,
      0.6925,
      0,
      0.79,
      0.1,
      0.8875,
      0.1975,
      0.9875,
      0.2975,
      1.085,
      0.395,
      1.185,
      0.495,
      1.2825,
      0.5925,
      1.3825
    ],
    "SoftwareVersions": "syngo_MR_D13D",
    "StationName": "AWP66018",
    "TaskDescription": "Passively listened to audio story 'shapesphysical'",
    "TaskName": "shapesphysical",
    "TotalReadoutTime": 0.0883478,
    "dataset": "ds002345",
    "modality": "bold",
    "subject_id": "058",
    "task_id": "shapesphysical"
  },
  "dummy_trs": 1,
  "dvars_nstd": 36.431944993846166,
  "dvars_std": 1.079117783141025,
  "dvars_vstd": 0.9794342367307692,
  "efc": 0.5612880613997885,
  "fber": 383.2855529785156,
  "fd_mean": 0.13705121286341498,
  "fd_num": 30,
  "fd_perc": 9.584664536741213,
  "fwhm_avg": 2.7509383333333335,
  "fwhm_x": 2.625605,
  "fwhm_y": 2.862915,
  "fwhm_z": 2.764295,
  "gcor": 0.00669749,
  "gsr_x": -0.012111720629036427,
  "gsr_y": 0.058554116636514664,
  "provenance": {
    "md5sum": "d7409273e3c40fe96971938b6436a8b7",
    "settings": {
      "fd_thres": 0.2,
      "testing": false
    },
    "software": "mriqc",
    "version": "21.0.0rc2",
    "webapi_port": null,
    "webapi_url": "https://mriqc.nimh.nih.gov/api/v1"
  },
  "size_t": 313,
  "size_x": 96,
  "size_y": 96,
  "size_z": 60,
  "snr": 2.2226804147796932,
  "spacing_tr": 1.5,
  "spacing_x": 2.0,
  "spacing_y": 2.0,
  "spacing_z": 2.0,
  "summary_bg_k": 140.49872000224974,
  "summary_bg_mad": 5.272000218594708,
  "summary_bg_mean": 37.40570068359375,
  "summary_bg_median": 24.051116943359375,
  "summary_bg_n": 325862.0,
  "summary_bg_p05": 19.370607376098633,
  "summary_bg_p95": 93.40558700561527,
  "summary_bg_stdv": 48.95064163208008,
  "summary_fg_k": 4.659601326166321,
  "summary_fg_mad": 181.72066447311528,
  "summary_fg_mean": 520.637451171875,
  "summary_fg_median": 480.01275634765625,
  "summary_fg_n": 141555.0,
  "summary_fg_p05": 270.3367401123047,
  "summary_fg_p95": 920.9526977539061,
  "summary_fg_stdv": 215.96044921875,
  "tsnr": 36.67352579301223
}