{
  "aor": 0.0005423333333333334,
  "aqi": 0.004605719933333334,
  "bids_meta": {
    "CogAtlasID": "https://www.cognitiveatlas.org/task/id/trm_4c8991fadfe01",
    "DeviceSerialNumber": "45031",
    "DwellTime": 5.4e-06,
    "EchoTime": 0.028,
    "EffectiveEchoSpacing": 0.000390001,
    "FlipAngle": 64,
    "InstitutionAddress": "Washington Rd, Princeton, NJ 08540, USA",
    "InstitutionName": "Princeton University",
    "InstitutionalDepartmentName": "Princeton Neuroscience Institute",
    "MagneticFieldStrength": 3,
    "Manufacturer": "Siemens",
    "ManufacturersModelName": "Skyra",
    "NumberOfVolumesDiscardedByScanner": 3,
    "ParallelReductionFactorInPlane": 2,
    "ParallelReductionType": "GRAPPA",
    "PartialFourier": 1,
    "PhaseEncodingDirection": "j-",
    "PixelBandwidth": 1445,
    "PulseSequenceDetails": "%SiemensSeq%_ep2d_bold",
    "PulseSequenceType": "Gradient Echo EPI",
    "ReceiveCoilActiveElements": "HE1-4",
    "ReceiveCoilName": "HeadNeck_20",
    "RepetitionTime": 1.5,
    "ScanOptions": "FS",
    "ScanningSequence": "EP",
    "SequenceName": "_epfid2d1_64",
    "SequenceVariant": "SK",
    "SliceTiming": [
      0,
      0.7775,
      0.055,
      0.8325,
      0.11,
      0.89,
      0.1675,
      0.945,
      0.2225,
      1,
      0.2775,
      1.055,
      0.3325,
      1.11,
      0.39,
      1.1675,
      0.445,
      1.2225,
      0.5,
      1.2775,
      0.555,
      1.3325,
      0.61,
      1.3875,
      0.6675,
      1.445,
      0.7225
    ],
    "SoftwareVersions": "syngo_MR_D11",
    "StationName": "AWP45031",
    "TaskDescription": "Passively listened to audio story 'pieman'",
    "TaskName": "pieman",
    "TotalReadoutTime": 0.0245701,
    "dataset": "ds002345",
    "modality": "bold",
    "subject_id": "058",
    "task_id": "pieman"
  },
  "dummy_trs": 0,
  "dvars_nstd": 20.21967917207358,
  "dvars_std": 1.2147998513712366,
  "dvars_vstd": 0.997601181270903,
  "efc": 0.5766536503958388,
  "fber": 2267.244140625,
  "fd_mean": 0.1034086443187776,
  "fd_num": 0,
  "fd_perc": 0.0,
  "fwhm_avg": 1.7608798709877638,
  "fwhm_x": 1.68213,
  "fwhm_y": 1.9771599999999998,
  "fwhm_z": 1.623349612963292,
  "gcor": 0.0531563,
  "gsr_x": -0.018182840198278427,
  "gsr_y": 0.048668764531612396,
  "provenance": {
    "md5sum": "929066a1f5170abbe9d937d426436681",
    "settings": {
      "fd_thres": 0.2,
      "testing": false
    },
    "software": "mriqc",
    "version": "21.0.0rc2",
    "webapi_port": null,
    "webapi_url": "https://mriqc.nimh.nih.gov/api/v1"
  },
  "size_t": 300,
  "size_x": 64,
  "size_y": 64,
  "size_z": 27,
  "snr": 6.895543337833878,
  "spacing_tr": 1.5,
  "spacing_x": 3.0,
  "spacing_y": 3.0,
  "spacing_z": 4.000000953674316,
  "summary_bg_k": 46.57530820100321,
  "summary_bg_mad": 9.468887036059835,
  "summary_bg_mean": 36.60947799682617,
  "summary_bg_median": 14.823333740234375,
  "summary_bg_n": 56066.0,
  "summary_bg_p05": 6.806666851043701,
  "summary_bg_p95": 120.76500511169434,
  "summary_bg_stdv": 74.235107421875,
  "summary_fg_k": 2.152722855889043,
  "summary_fg_mad": 101.5977964726073,
  "summary_fg_mean": 742.2603759765625,
  "summary_fg_median": 735.4299926757812,
  "summary_fg_n": 26823.0,
  "summary_fg_p05": 592.8983337402344,
  "summary_fg_p95": 916.5796813964844,
  "summary_fg_stdv": 106.65095520019531,
  "tsnr": 87.36422073282301
}