{
  "aor": 0.003393821782178218,
  "aqi": 0.019462190693069308,
  "bids_meta": {
    "CogAtlasID": "https://www.cognitiveatlas.org/task/id/trm_4c8991fadfe01",
    "DeviceSerialNumber": "66018",
    "DwellTime": 4.2e-06,
    "EchoTime": 0.039,
    "EffectiveEchoSpacing": 0.000929976,
    "FlipAngle": 50,
    "InstitutionAddress": "Washington Rd, Princeton, NJ 08540, USA",
    "InstitutionName": "Princeton University",
    "InstitutionalDepartmentName": "Princeton Neuroscience Institute",
    "MagneticFieldStrength": 3,
    "Manufacturer": "Siemens",
    "ManufacturersModelName": "Prisma",
    "NumberOfVolumesDiscardedByScanner": 3,
    "ParallelReductionType": "GRAPPA",
    "PartialFourier": 0.75,
    "PhaseEncodingDirection": "j-",
    "PixelBandwidth": 1240,
    "PulseSequenceDetails": "%CustomerSeq%_ep2d_bold_sms_mgh_v22",
    "PulseSequenceType": "Gradient Echo EPI",
    "ReceiveCoilActiveElements": "HC1-7;NC1,2",
    "ReceiveCoilName": "HeadNeck_64",
    "RepetitionTime": 1.5,
    "ScanOptions": "PFP_FS",
    "ScanningSequence": "EP",
    "SequenceName": "epfSM2d1_96",
    "SequenceVariant": "SK",
    "SliceTiming": [
      0.6925,
      0,
      0.79,
      0.1,
      0.8875,
      0.1975,
      0.9875,
      0.2975,
      1.085,
      0.395,
      1.185,
      0.495,
      1.2825,
      0.5925,
      1.3825,
      0.6925,
      0,
      0.79,
      0.1,
      0.8875,
      0.1975,
      0.9875,
      0.2975,
      1.085,
      0.395,
      1.185,
      0.495,
      1.2825,
      0.5925,
      1.3825,
      0.6925,
      0,
      0.79,
      0.1,
      0.8875,
      0.1975,
      0.9875,
      0.2975,
      1.085,
      0.395,
      1.185,
      0.495,
      1.2825,
      0.5925,
      1.3825,
      0.6925,
      0,
      0.79,
      0.1,
      0.8875,
      0.1975,
      0.9875,
      0.2975,
      1.085,
      0.395,
      1.185,
      0.495,
      1.2825,
      0.5925,
      1.3825
    ],
    "SoftwareVersions": "syngo_MR_D13D",
    "StationName": "AWP66018",
    "TaskDescription": "Passively listened to audio story 'schema'",
    "TaskName": "schema",
    "TotalReadoutTime": 0.0883478,
    "dataset": "ds002345",
    "modality": "bold",
    "run_id": 4,
    "subject_id": "198",
    "task_id": "schema"
  },
  "dummy_trs": 1,
  "dvars_nstd": 60.23290168674602,
  "dvars_std": 1.1353991394642864,
  "dvars_vstd": 0.9380100341269841,
  "efc": 0.6338864598219405,
  "fber": 148.921142578125,
  "fd_mean": 0.3427162953981246,
  "fd_num": 236,
  "fd_perc": 46.73267326732673,
  "fwhm_avg": 3.3230850000000003,
  "fwhm_x": 3.030875,
  "fwhm_y": 3.56954,
  "fwhm_z": 3.36884,
  "gcor": 0.0118161,
  "gsr_x": 0.005375965032726526,
  "gsr_y": 0.058998558670282364,
  "provenance": {
    "md5sum": "af857cb9da0bdcac4d64854a1c4f8876",
    "settings": {
      "fd_thres": 0.2,
      "testing": false
    },
    "software": "mriqc",
    "version": "22.0.6",
    "webapi_port": null,
    "webapi_url": "https://mriqc.nimh.nih.gov/api/v1"
  },
  "size_t": 505,
  "size_x": 96,
  "size_y": 96,
  "size_z": 60,
  "snr": 1.739889493580963,
  "spacing_tr": 1.5,
  "spacing_x": 2.0,
  "spacing_y": 2.0,
  "spacing_z": 2.0,
  "summary_bg_k": 22.908990771735475,
  "summary_bg_mad": 18.757120385353975,
  "summary_bg_mean": 73.34178924560547,
  "summary_bg_median": 42.97821807861328,
  "summary_bg_n": 261009.0,
  "summary_bg_p05": 27.28118896484375,
  "summary_bg_p95": 229.91287841796853,
  "summary_bg_stdv": 80.87199401855469,
  "summary_fg_k": 3.6399803742726036,
  "summary_fg_mad": 255.92359791642164,
  "summary_fg_mean": 625.0845947265625,
  "summary_fg_median": 549.515869140625,
  "summary_fg_n": 190366.0,
  "summary_fg_p05": 276.97129821777344,
  "summary_fg_p95": 1241.6361999511719,
  "summary_fg_stdv": 315.83294677734375,
  "tsnr": 21.50629191985354
}