{
  "aor": 0.0009288531187122736,
  "aqi": 0.004841978651911469,
  "bids_meta": {
    "CogAtlasID": "https://www.cognitiveatlas.org/task/id/trm_4c8991fadfe01",
    "DeviceSerialNumber": "66018",
    "DwellTime": 4.2e-06,
    "EchoTime": 0.039,
    "EffectiveEchoSpacing": 0.000929976,
    "FlipAngle": 50,
    "InstitutionAddress": "Washington Rd, Princeton, NJ 08540, USA",
    "InstitutionName": "Princeton University",
    "InstitutionalDepartmentName": "Princeton Neuroscience Institute",
    "MagneticFieldStrength": 3,
    "Manufacturer": "Siemens",
    "ManufacturersModelName": "Prisma",
    "NumberOfVolumesDiscardedByScanner": 3,
    "ParallelReductionType": "GRAPPA",
    "PartialFourier": 0.75,
    "PhaseEncodingDirection": "j-",
    "PixelBandwidth": 1240,
    "PulseSequenceDetails": "%CustomerSeq%_ep2d_bold_sms_mgh_v22",
    "PulseSequenceType": "Gradient Echo EPI",
    "ReceiveCoilActiveElements": "HC1-7;NC1,2",
    "ReceiveCoilName": "HeadNeck_64",
    "RepetitionTime": 1.5,
    "ScanOptions": "PFP_FS",
    "ScanningSequence": "EP",
    "SequenceName": "epfSM2d1_96",
    "SequenceVariant": "SK",
    "SliceTiming": [
      0.6925,
      0,
      0.79,
      0.1,
      0.8875,
      0.1975,
      0.9875,
      0.2975,
      1.085,
      0.395,
      1.185,
      0.495,
      1.2825,
      0.5925,
      1.3825,
      0.6925,
      0,
      0.79,
      0.1,
      0.8875,
      0.1975,
      0.9875,
      0.2975,
      1.085,
      0.395,
      1.185,
      0.495,
      1.2825,
      0.5925,
      1.3825,
      0.6925,
      0,
      0.79,
      0.1,
      0.8875,
      0.1975,
      0.9875,
      0.2975,
      1.085,
      0.395,
      1.185,
      0.495,
      1.2825,
      0.5925,
      1.3825,
      0.6925,
      0,
      0.79,
      0.1,
      0.8875,
      0.1975,
      0.9875,
      0.2975,
      1.085,
      0.395,
      1.185,
      0.495,
      1.2825,
      0.5925,
      1.3825
    ],
    "SoftwareVersions": "syngo_MR_D13D",
    "StationName": "AWP66018",
    "TaskDescription": "Passively listened to audio story 'schema'",
    "TaskName": "schema",
    "TotalReadoutTime": 0.0883478,
    "dataset": "ds002345",
    "modality": "bold",
    "run_id": 1,
    "subject_id": "198",
    "task_id": "schema"
  },
  "dummy_trs": 1,
  "dvars_nstd": 36.59168891370966,
  "dvars_std": 1.1669453898588722,
  "dvars_vstd": 1.0024245304032253,
  "efc": 0.6330346710042409,
  "fber": 159.7782440185547,
  "fd_mean": 0.1204842859178576,
  "fd_num": 34,
  "fd_perc": 6.841046277665996,
  "fwhm_avg": 3.217211666666667,
  "fwhm_x": 2.9953,
  "fwhm_y": 3.408365,
  "fwhm_z": 3.24797,
  "gcor": 0.00987006,
  "gsr_x": -0.0157160684466362,
  "gsr_y": 0.08467220515012741,
  "provenance": {
    "md5sum": "a653c98d3cd15fe0bcb51c2ba852e66d",
    "settings": {
      "fd_thres": 0.2,
      "testing": false
    },
    "software": "mriqc",
    "version": "22.0.6",
    "webapi_port": null,
    "webapi_url": "https://mriqc.nimh.nih.gov/api/v1"
  },
  "size_t": 497,
  "size_x": 96,
  "size_y": 96,
  "size_z": 60,
  "snr": 1.739070795493224,
  "spacing_tr": 1.5,
  "spacing_x": 2.0,
  "spacing_y": 2.0,
  "spacing_z": 2.0,
  "summary_bg_k": 28.223794513082204,
  "summary_bg_mad": 12.946668455051446,
  "summary_bg_mean": 74.2523193359375,
  "summary_bg_median": 41.676055908203125,
  "summary_bg_n": 264196.0,
  "summary_bg_p05": 31.702211380004883,
  "summary_bg_p95": 232.57493591308594,
  "summary_bg_stdv": 84.73484802246094,
  "summary_fg_k": 4.709976149598075,
  "summary_fg_mad": 253.99186694663442,
  "summary_fg_mean": 635.5889282226562,
  "summary_fg_median": 558.4688110351562,
  "summary_fg_n": 189230.0,
  "summary_fg_p05": 283.63580322265625,
  "summary_fg_p95": 1250.6073303222645,
  "summary_fg_stdv": 321.1297302246094,
  "tsnr": 42.30331823998131
}