{
  "aor": 0.006205751879699249,
  "aqi": 0.013552197894736844,
  "bids_meta": {
    "CogAtlasID": "https://www.cognitiveatlas.org/task/id/trm_4c8991fadfe01",
    "DeviceSerialNumber": "66018",
    "DwellTime": 4.2e-06,
    "EchoTime": 0.039,
    "EffectiveEchoSpacing": 0.000929976,
    "FlipAngle": 50,
    "InstitutionAddress": "Washington Rd, Princeton, NJ 08540, USA",
    "InstitutionName": "Princeton University",
    "InstitutionalDepartmentName": "Princeton Neuroscience Institute",
    "MagneticFieldStrength": 3,
    "Manufacturer": "Siemens",
    "ManufacturersModelName": "Prisma",
    "NumberOfVolumesDiscardedByScanner": 3,
    "ParallelReductionType": "GRAPPA",
    "PartialFourier": 0.75,
    "PhaseEncodingDirection": "j-",
    "PixelBandwidth": 1240,
    "PulseSequenceDetails": "%CustomerSeq%_ep2d_bold_sms_mgh_v22",
    "PulseSequenceType": "Gradient Echo EPI",
    "ReceiveCoilActiveElements": "HC1-7;NC1,2",
    "ReceiveCoilName": "HeadNeck_64",
    "RepetitionTime": 1.5,
    "ScanOptions": "PFP_FS",
    "ScanningSequence": "EP",
    "SequenceName": "epfSM2d1_96",
    "SequenceVariant": "SK",
    "SliceTiming": [
      0.6925,
      0,
      0.79,
      0.1,
      0.8875,
      0.1975,
      0.9875,
      0.2975,
      1.085,
      0.395,
      1.185,
      0.495,
      1.2825,
      0.5925,
      1.3825,
      0.6925,
      0,
      0.79,
      0.1,
      0.8875,
      0.1975,
      0.9875,
      0.2975,
      1.085,
      0.395,
      1.185,
      0.495,
      1.2825,
      0.5925,
      1.3825,
      0.6925,
      0,
      0.79,
      0.1,
      0.8875,
      0.1975,
      0.9875,
      0.2975,
      1.085,
      0.395,
      1.185,
      0.495,
      1.2825,
      0.5925,
      1.3825,
      0.6925,
      0,
      0.79,
      0.1,
      0.8875,
      0.1975,
      0.9875,
      0.2975,
      1.085,
      0.395,
      1.185,
      0.495,
      1.2825,
      0.5925,
      1.3825
    ],
    "SoftwareVersions": "syngo_MR_D13D",
    "StationName": "AWP66018",
    "TaskDescription": "Passively listened to audio story 'schema'",
    "TaskName": "schema",
    "TotalReadoutTime": 0.0883478,
    "dataset": "ds002345",
    "modality": "bold",
    "run_id": 2,
    "subject_id": "198",
    "task_id": "schema"
  },
  "dummy_trs": 0,
  "dvars_nstd": 44.12840423303204,
  "dvars_std": 1.0589603836723158,
  "dvars_vstd": 0.9748719245762713,
  "efc": 0.6350267633618946,
  "fber": 159.76426696777344,
  "fd_mean": 0.21428738243702347,
  "fd_num": 154,
  "fd_perc": 28.94736842105263,
  "fwhm_avg": 3.2715866666666664,
  "fwhm_x": 3.03902,
  "fwhm_y": 3.48606,
  "fwhm_z": 3.28968,
  "gcor": 0.01994,
  "gsr_x": -0.015270537696778774,
  "gsr_y": 0.08844464272260666,
  "provenance": {
    "md5sum": "9a17bb0606f8501244e8f05e3f51d378",
    "settings": {
      "fd_thres": 0.2,
      "testing": false
    },
    "software": "mriqc",
    "version": "22.0.6",
    "webapi_port": null,
    "webapi_url": "https://mriqc.nimh.nih.gov/api/v1"
  },
  "size_t": 532,
  "size_x": 96,
  "size_y": 96,
  "size_z": 60,
  "snr": 1.7519286546649389,
  "spacing_tr": 1.5,
  "spacing_x": 2.0,
  "spacing_y": 2.0,
  "spacing_z": 2.0,
  "summary_bg_k": 26.80152999809932,
  "summary_bg_mad": 15.793055567586503,
  "summary_bg_mean": 74.39820861816406,
  "summary_bg_median": 41.28007507324219,
  "summary_bg_n": 262816.0,
  "summary_bg_p05": 28.398496627807617,
  "summary_bg_p95": 235.94455337524414,
  "summary_bg_stdv": 86.35697174072266,
  "summary_fg_k": 4.473740722712794,
  "summary_fg_mad": 250.5959938933865,
  "summary_fg_mean": 627.5362548828125,
  "summary_fg_median": 552.267822265625,
  "summary_fg_n": 190162.0,
  "summary_fg_p05": 280.28093566894535,
  "summary_fg_p95": 1232.1935119628906,
  "summary_fg_stdv": 315.2333679199219,
  "tsnr": 26.293960196198896
}