{
  "bids_meta": {
    "AcquisitionMatrixPE": 256,
    "BaseResolution": 256,
    "BodyPartExamined": "BRAIN",
    "ConsistencyInfo": "N4_VE11C_LATEST_20160120",
    "ConversionSoftware": "dcm2niix",
    "ConversionSoftwareVersion": "v1.0.20180328 GCC6.3.0",
    "DeviceSerialNumber": "66018",
    "DwellTime": 9.8e-06,
    "EchoTime": 0.428,
    "EchoTrainLength": 175,
    "FlipAngle": 120,
    "ImageOrientationPatientDICOM": [
      0,
      1,
      0,
      0,
      0,
      -1
    ],
    "ImageType": [
      "ORIGINAL",
      "PRIMARY",
      "M",
      "ND"
    ],
    "InPlanePhaseEncodingDirectionDICOM": "ROW",
    "InstitutionAddress": "Washington Rd, Princeton, NJ 08540, USA",
    "InstitutionName": "Princeton University",
    "InstitutionalDepartmentName": "Princeton Neuroscience Institute",
    "MRAcquisitionType": "3D",
    "MagneticFieldStrength": 3,
    "Manufacturer": "Siemens",
    "ManufacturersModelName": "Prisma",
    "Modality": "MR",
    "ParallelReductionFactorInPlane": 2,
    "ParallelReductionType": "GRAPPA",
    "PartialFourier": 1,
    "PatientPosition": "HFS",
    "PercentPhaseFOV": 100,
    "PhaseEncodingSteps": 175,
    "PhaseResolution": 1,
    "PixelBandwidth": 200,
    "ProcedureStepDescription": "Hasson_Nastase_042518_Storyteller",
    "ProtocolName": "anat-T2w",
    "PulseSequenceDetails": "%SiemensSeq%_tse_vfl",
    "ReceiveCoilActiveElements": "HC1-7;NC1",
    "ReceiveCoilName": "HeadNeck_64",
    "ReconMatrixPE": 256,
    "RepetitionTime": 3.2,
    "SAR": 0.050887,
    "ScanOptions": "PFP",
    "ScanningSequence": "SE",
    "SequenceName": "_spc_230ns",
    "SequenceVariant": "SK_SP",
    "SeriesDescription": "anat-T2w",
    "SeriesNumber": 11,
    "ShimSetting": [
      757,
      488,
      2032,
      299,
      -114,
      -251,
      266,
      6
    ],
    "SliceThickness": 1,
    "SoftwareVersions": "syngo_MR_E11",
    "StationName": "AWP66018",
    "TxRefAmp": 236.797,
    "dataset": "ds002345",
    "modality": "T2w",
    "subject_id": "284"
  },
  "cjv": 0.5776487457964068,
  "cnr": 1.760008737668926,
  "efc": 0.5249738414101294,
  "fber": 731.7987976665514,
  "fwhm_avg": 2.31653,
  "fwhm_x": 2.49805,
  "fwhm_y": 1.97659,
  "fwhm_z": 2.47495,
  "icvs_csf": 0.34293245288604657,
  "icvs_gm": 0.1523540627522974,
  "icvs_wm": 0.504713484361656,
  "inu_med": 1.5017755031585693,
  "inu_range": 0.5362759590148927,
  "provenance": {
    "md5sum": "4ff0e3d037e3fa8b8f5fdad05794f464",
    "settings": {
      "testing": false
    },
    "software": "mriqc",
    "version": "22.0.0rc1",
    "warnings": {
      "large_rot_frame": true,
      "small_air_mask": false
    },
    "webapi_port": null,
    "webapi_url": "https://mriqc.nimh.nih.gov/api/v1"
  },
  "qi_1": 0.0,
  "qi_2": 0.021209084201987492,
  "rpve_csf": 14.552195766384562,
  "rpve_gm": 35.66814763334905,
  "rpve_wm": 11.529678939277712,
  "size_x": 176,
  "size_y": 256,
  "size_z": 256,
  "snr_csf": 6.859374992593302,
  "snr_gm": 2.6983346816069,
  "snr_total": 6.072929058203518,
  "snr_wm": 8.661077500410356,
  "snrd_csf": 28.4292286597146,
  "snrd_gm": 49.418660312908244,
  "snrd_total": 31.611862378424785,
  "snrd_wm": 16.98769816265151,
  "spacing_x": 1.0,
  "spacing_y": 1.0,
  "spacing_z": 1.0,
  "summary_bg_k": 1.2411981878129463,
  "summary_bg_mad": 38.57023402351516,
  "summary_bg_mean": 41.74867926729585,
  "summary_bg_median": 39.21319659054279,
  "summary_bg_n": 3343923.0,
  "summary_bg_p05": 0.0,
  "summary_bg_p95": 104.69542779028416,
  "summary_bg_stdv": 32.401913783870285,
  "summary_csf_k": 0.058752435707956074,
  "summary_csf_mad": 247.79023516570473,
  "summary_csf_mean": 1684.4586327867532,
  "summary_csf_median": 1673.7309056073427,
  "summary_csf_n": 26556.0,
  "summary_csf_p05": 1306.4720352739096,
  "summary_csf_p95": 2100.158555585891,
  "summary_csf_stdv": 244.0017339602389,
  "summary_gm_k": 0.13849425827764783,
  "summary_gm_mad": 1007.5297716874327,
  "summary_gm_mean": 2921.358851181168,
  "summary_gm_median": 2909.4542124047875,
  "summary_gm_n": 10588.0,
  "summary_gm_p05": 1068.7689979478716,
  "summary_gm_p95": 4738.806939950585,
  "summary_gm_stdv": 1078.1897572029254,
  "summary_wm_k": 1.1805628490589726,
  "summary_wm_mad": 95.39077390205945,
  "summary_wm_mean": 991.0760662387696,
  "summary_wm_median": 1000.1268683820963,
  "summary_wm_n": 260237.0,
  "summary_wm_p05": 778.2994650155306,
  "summary_wm_p95": 1165.9898067116737,
  "summary_wm_stdv": 115.4735016241973,
  "tpm_overlap_csf": 0.11178382486104965,
  "tpm_overlap_gm": 0.11620236188173294,
  "tpm_overlap_wm": 0.45839807391166687,
  "wm2max": 0.22356812572692975
}