{
  "bids_meta": {
    "AcquisitionMatrixPE": 256,
    "BaseResolution": 256,
    "BodyPartExamined": "BRAIN",
    "ConsistencyInfo": "N4_VE11C_LATEST_20160120",
    "ConversionSoftware": "dcm2niix",
    "ConversionSoftwareVersion": "v1.0.20180328 GCC6.3.0",
    "DeviceSerialNumber": "66018",
    "EchoTime": 0.0033,
    "FlipAngle": 7,
    "ImageOrientationPatientDICOM": [
      0,
      1,
      0,
      0,
      0,
      -1
    ],
    "ImageType": [
      "ORIGINAL",
      "PRIMARY",
      "M",
      "ND",
      "NORM"
    ],
    "InPlanePhaseEncodingDirectionDICOM": "ROW",
    "InstitutionAddress": "Washington Rd, Princeton, NJ 08540, USA",
    "InstitutionName": "Princeton University",
    "InstitutionalDepartmentName": "Princeton Neuroscience Institute",
    "InversionTime": 1.1,
    "MRAcquisitionType": "3D",
    "MagneticFieldStrength": 3,
    "Manufacturer": "Siemens",
    "ManufacturersModelName": "Prisma",
    "Modality": "MR",
    "ParallelReductionFactorInPlane": 2,
    "ParallelReductionType": "GRAPPA",
    "PartialFourier": 1,
    "PatientPosition": "HFS",
    "PercentPhaseFOV": 100,
    "PhaseEncodingSteps": 255,
    "PhaseResolution": 1,
    "PixelBandwidth": 200,
    "ProcedureStepDescription": "Hasson_Nastase_042518_Storyteller",
    "ProtocolName": "anat-T1w",
    "PulseSequenceDetails": "%SiemensSeq%_tfl",
    "ReceiveCoilActiveElements": "HC1-7;NC1",
    "ReceiveCoilName": "HeadNeck_64",
    "ReconMatrixPE": 256,
    "RepetitionTime": 2.53,
    "SAR": 0.0414222,
    "ScanOptions": "IR",
    "ScanningSequence": "GR_IR",
    "SequenceName": "_tfl3d1_16ns",
    "SequenceVariant": "SK_SP_MP",
    "SeriesDescription": "anat-T1w",
    "SeriesNumber": 3,
    "ShimSetting": [
      757,
      488,
      2032,
      299,
      -114,
      -251,
      266,
      6
    ],
    "SliceThickness": 1,
    "SoftwareVersions": "syngo_MR_E11",
    "StationName": "AWP66018",
    "TxRefAmp": 236.797,
    "dataset": "ds002345",
    "modality": "T1w",
    "subject_id": "284"
  },
  "cjv": 0.3646490883921647,
  "cnr": 3.503047303969125,
  "efc": 0.5501643768351332,
  "fber": 5095.377010681549,
  "fwhm_avg": 3.320893333333333,
  "fwhm_x": 3.42152,
  "fwhm_y": 3.43561,
  "fwhm_z": 3.10555,
  "icvs_csf": 0.17731852432806647,
  "icvs_gm": 0.4288609516003097,
  "icvs_wm": 0.3938205240716239,
  "inu_med": 1.1685270071029663,
  "inu_range": 0.48831480741500866,
  "provenance": {
    "md5sum": "7e1778d1c3573247725244a40a0599a9",
    "settings": {
      "testing": false
    },
    "software": "mriqc",
    "version": "22.0.0rc1",
    "warnings": {
      "large_rot_frame": true,
      "small_air_mask": false
    },
    "webapi_port": null,
    "webapi_url": "https://mriqc.nimh.nih.gov/api/v1"
  },
  "qi_1": 0.0,
  "qi_2": 0.0014619528776994824,
  "rpve_csf": 26.886754907765027,
  "rpve_gm": 12.320371350139425,
  "rpve_wm": 16.26133077002807,
  "size_x": 176,
  "size_y": 256,
  "size_z": 256,
  "snr_csf": 2.5871201086697493,
  "snr_gm": 9.668127300969074,
  "snr_total": 10.90596988592038,
  "snr_wm": 20.462662248122314,
  "snrd_csf": 46.942679774546065,
  "snrd_gm": 82.79704786591726,
  "snrd_total": 82.97478293629051,
  "snrd_wm": 119.18462116840819,
  "spacing_x": 1.0,
  "spacing_y": 1.0,
  "spacing_z": 1.0,
  "summary_bg_k": 7.670804308743069,
  "summary_bg_mad": 5.4968196465630585,
  "summary_bg_mean": 9.288998407580682,
  "summary_bg_median": 7.662266921252012,
  "summary_bg_n": 3366795.0,
  "summary_bg_p05": 1.5324533842504025,
  "summary_bg_p95": 21.948687180876732,
  "summary_bg_stdv": 6.69455956902678,
  "summary_csf_k": 4.520496375877506,
  "summary_csf_mad": 170.29147265052356,
  "summary_csf_mean": 371.0737751451489,
  "summary_csf_median": 393.865236742422,
  "summary_csf_n": 6662.0,
  "summary_csf_p05": 136.78629473838956,
  "summary_csf_p95": 580.6762476805596,
  "summary_csf_stdv": 152.22937417094954,
  "summary_gm_k": 0.244857288266064,
  "summary_gm_mad": 67.9406908315194,
  "summary_gm_mean": 694.2293580067401,
  "summary_gm_median": 694.6957228668034,
  "summary_gm_n": 19915.0,
  "summary_gm_p05": 574.3091510389,
  "summary_gm_p95": 814.3753887787461,
  "summary_gm_stdv": 71.85241355465898,
  "summary_wm_k": 1.0345152931471224,
  "summary_wm_mad": 43.38822974353774,
  "summary_wm_mean": 999.4945262436769,
  "summary_wm_median": 999.9999841935933,
  "summary_wm_n": 228648.0,
  "summary_wm_p05": 917.6429732851684,
  "summary_wm_p95": 1078.0562388300896,
  "summary_wm_stdv": 48.86938880670648,
  "tpm_overlap_csf": 0.1616174429655075,
  "tpm_overlap_gm": 0.43194496631622314,
  "tpm_overlap_wm": 0.5059636235237122,
  "wm2max": 0.4898320026843856
}