{
  "aor": 0.0006289225589225589,
  "aqi": 0.007735598821548822,
  "bids_meta": {
    "CogAtlasID": "https://www.cognitiveatlas.org/task/id/trm_4c8991fadfe01",
    "DeviceSerialNumber": "45031",
    "DwellTime": 5.4e-06,
    "EchoTime": 0.028,
    "EffectiveEchoSpacing": 0.000390001,
    "FlipAngle": 64,
    "InstitutionAddress": "Washington Rd, Princeton, NJ 08540, USA",
    "InstitutionName": "Princeton University",
    "InstitutionalDepartmentName": "Princeton Neuroscience Institute",
    "MagneticFieldStrength": 3,
    "Manufacturer": "Siemens",
    "ManufacturersModelName": "Skyra",
    "NumberOfVolumesDiscardedByScanner": 3,
    "ParallelReductionFactorInPlane": 2,
    "ParallelReductionType": "GRAPPA",
    "PartialFourier": 1,
    "PhaseEncodingDirection": "j-",
    "PixelBandwidth": 1445,
    "PulseSequenceDetails": "%SiemensSeq%_ep2d_bold",
    "PulseSequenceType": "Gradient Echo EPI",
    "ReceiveCoilActiveElements": "HE1-4",
    "ReceiveCoilName": "HeadNeck_20",
    "RepetitionTime": 1.52,
    "ScanOptions": "FS",
    "ScanningSequence": "EP",
    "SequenceName": "_epfid2d1_64",
    "SequenceVariant": "SK",
    "SliceTiming": [
      0,
      0.7775,
      0.0575,
      0.835,
      0.1125,
      0.89,
      0.1675,
      0.945,
      0.2225,
      1,
      0.2775,
      1.055,
      0.335,
      1.1125,
      0.39,
      1.1675,
      0.445,
      1.2225,
      0.5,
      1.2775,
      0.5575,
      1.335,
      0.6125,
      1.39,
      0.6675,
      1.445,
      0.7225
    ],
    "SoftwareVersions": "syngo_MR_E11",
    "StationName": "AWP45031",
    "TaskDescription": "Passively listened to audio story 'milkyway'",
    "TaskName": "milkyway",
    "TotalReadoutTime": 0.0245701,
    "dataset": "ds002345",
    "modality": "bold",
    "subject_id": "129",
    "task_id": "milkyway"
  },
  "dummy_trs": 0,
  "dvars_nstd": 25.952966567432437,
  "dvars_std": 1.312769309121622,
  "dvars_vstd": 0.9975692382432432,
  "efc": 0.6705447710314587,
  "fber": 711.7681884765625,
  "fd_mean": 0.11060114371946998,
  "fd_num": 4,
  "fd_perc": 1.3468013468013469,
  "fwhm_avg": 1.7671652777777778,
  "fwhm_x": 1.69644,
  "fwhm_y": 1.9763533333333332,
  "fwhm_z": 1.6287025,
  "gcor": 0.0129699,
  "gsr_x": -0.01846838742494583,
  "gsr_y": 0.07120844721794128,
  "provenance": {
    "md5sum": "10d97922fdecf5d6b022650f31f2295a",
    "settings": {
      "fd_thres": 0.2,
      "testing": false
    },
    "software": "mriqc",
    "version": "22.0.0rc1",
    "webapi_port": null,
    "webapi_url": "https://mriqc.nimh.nih.gov/api/v1"
  },
  "size_t": 297,
  "size_x": 64,
  "size_y": 64,
  "size_z": 27,
  "snr": 7.128159345213046,
  "spacing_tr": 1.5199999809265137,
  "spacing_x": 3.0,
  "spacing_y": 3.0,
  "spacing_z": 4.0,
  "summary_bg_k": 15.528952181026575,
  "summary_bg_mad": 24.370585029010424,
  "summary_bg_mean": 69.49104309082031,
  "summary_bg_median": 26.703702926635742,
  "summary_bg_n": 46068.0,
  "summary_bg_p05": 8.647642946243286,
  "summary_bg_p95": 285.3499969482423,
  "summary_bg_stdv": 103.40027618408203,
  "summary_fg_k": 2.7432091216668217,
  "summary_fg_mad": 100.54240159501754,
  "summary_fg_mean": 806.9321899414062,
  "summary_fg_median": 797.047119140625,
  "summary_fg_n": 35062.0,
  "summary_fg_p05": 657.8186798095703,
  "summary_fg_p95": 996.2957611083984,
  "summary_fg_stdv": 111.8150863647461,
  "tsnr": 72.76890706643462
}