{
  "bids_meta": {
    "DeviceSerialNumber": "45031",
    "DwellTime": 8.2e-06,
    "EchoTime": 0.00308,
    "FlipAngle": 9,
    "InstitutionAddress": "Washington Rd, Princeton, NJ 08540, USA",
    "InstitutionName": "Princeton University",
    "InstitutionalDepartmentName": "Princeton Neuroscience Institute",
    "InversionTime": 0.9,
    "MagneticFieldStrength": 3,
    "Manufacturer": "Siemens",
    "ManufacturersModelName": "Skyra",
    "ParallelReductionFactorInPlane": 2,
    "ParallelReductionType": "GRAPPA",
    "PartialFourier": 1,
    "PixelBandwidth": 240,
    "PulseSequenceDetails": "%SiemensSeq%_tfl",
    "PulseSequenceType": "MPRAGE",
    "ReceiveCoilActiveElements": "HE1-4",
    "ReceiveCoilName": "HeadNeck_20",
    "RepetitionTime": 2.3,
    "ScanOptions": "IR",
    "ScanningSequence": "GR_IR",
    "SequenceName": "_tfl3d1_16ns",
    "SequenceVariant": "SK_SP_MP",
    "SoftwareVersions": "syngo_MR_E11",
    "StationName": "AWP45031",
    "dataset": "ds002345",
    "modality": "T1w",
    "subject_id": "259"
  },
  "cjv": 0.5781185923458533,
  "cnr": 2.2886054559040803,
  "efc": 0.6938506389247971,
  "fber": 573.8144096485994,
  "fwhm_avg": 3.228326421833554,
  "fwhm_x": 3.2322665382279343,
  "fwhm_y": 3.4522414545454545,
  "fwhm_z": 3.000471272727273,
  "icvs_csf": 0.18844417955974396,
  "icvs_gm": 0.436088582122387,
  "icvs_wm": 0.37546723831786905,
  "inu_med": 1.2690409421920776,
  "inu_range": 0.4750059843063352,
  "provenance": {
    "md5sum": "b3d15621924ce880fff24885794df1ef",
    "settings": {
      "testing": false
    },
    "software": "mriqc",
    "version": "22.0.0rc1",
    "warnings": {
      "large_rot_frame": true,
      "small_air_mask": false
    },
    "webapi_port": null,
    "webapi_url": "https://mriqc.nimh.nih.gov/api/v1"
  },
  "qi_1": 0.00014989445236975816,
  "qi_2": 0.002834863529244043,
  "rpve_csf": 18.354084387028674,
  "rpve_gm": 8.73163992630054,
  "rpve_wm": 11.82853060953267,
  "size_x": 192,
  "size_y": 256,
  "size_z": 256,
  "snr_csf": 3.346102306205408,
  "snr_gm": 9.061683557952682,
  "snr_total": 8.847328446878569,
  "snr_wm": 14.134199476477615,
  "snrd_csf": 17.262456889418726,
  "snrd_gm": 29.40939497715246,
  "snrd_total": 28.67184855051187,
  "snrd_wm": 39.34369378496443,
  "spacing_x": 0.9000000357627869,
  "spacing_y": 0.859375,
  "spacing_z": 0.859375,
  "summary_bg_k": 46.32648679931363,
  "summary_bg_mad": 16.652988678424126,
  "summary_bg_mean": 27.069260716974078,
  "summary_bg_median": 22.874477215111256,
  "summary_bg_n": 2500833.0,
  "summary_bg_p05": 5.73911614716053,
  "summary_bg_p95": 59.68680793046951,
  "summary_bg_stdv": 19.043370630148313,
  "summary_csf_k": -0.06585315892569366,
  "summary_csf_mad": 137.35676793152746,
  "summary_csf_mean": 438.8910037848252,
  "summary_csf_median": 438.79642313718796,
  "summary_csf_n": 9694.0,
  "summary_csf_p05": 223.05894779674708,
  "summary_csf_p95": 647.864225640893,
  "summary_csf_stdv": 131.12981912359416,
  "summary_gm_k": 0.4680639878904329,
  "summary_gm_mad": 77.6734289453505,
  "summary_gm_mean": 749.3641819858652,
  "summary_gm_median": 747.5608718544245,
  "summary_gm_n": 27655.0,
  "summary_gm_p05": 618.9226827844977,
  "summary_gm_p95": 892.1538038134573,
  "summary_gm_stdv": 82.49541612391582,
  "summary_wm_k": 0.3157986828557653,
  "summary_wm_mad": 68.3137199801048,
  "summary_wm_mean": 999.6482362372622,
  "summary_wm_median": 1000.0819823294878,
  "summary_wm_n": 360646.0,
  "summary_wm_p05": 882.5940760597587,
  "summary_wm_p95": 1114.9462926462293,
  "summary_wm_stdv": 70.75608331962124,
  "tpm_overlap_csf": 0.1578787863254547,
  "tpm_overlap_gm": 0.44492825865745544,
  "tpm_overlap_wm": 0.5011540651321411,
  "wm2max": 0.4493810786914235
}