{
  "aor": 0.0004971538461538462,
  "aqi": 0.006536454743589744,
  "bids_meta": {
    "AcquisitionMatrixPE": 96,
    "BandwidthPerPixelPhaseEncode": 20.425,
    "BaseResolution": 96,
    "BodyPartExamined": "BRAIN",
    "ConsistencyInfo": "N4_VE11C_LATEST_20160120",
    "ConversionSoftware": "dcm2niix",
    "ConversionSoftwareVersion": "v1.0.20180328 GCC6.3.0",
    "DerivedVendorReportedEchoSpacing": 0.000509996,
    "DeviceSerialNumber": "66018",
    "DwellTime": 2.1e-06,
    "EchoTime": 0.031,
    "EchoTrainLength": 96,
    "EffectiveEchoSpacing": 0.000509996,
    "FlipAngle": 67,
    "ImageOrientationPatientDICOM": [
      1,
      0,
      0,
      0,
      1,
      0
    ],
    "ImageType": [
      "ORIGINAL",
      "PRIMARY",
      "M",
      "ND",
      "NORM",
      "MOSAIC"
    ],
    "InPlanePhaseEncodingDirectionDICOM": "COL",
    "InstitutionAddress": "Washington Rd, Princeton, NJ 08540, USA",
    "InstitutionName": "Princeton University",
    "InstitutionalDepartmentName": "Princeton Neuroscience Institute",
    "MRAcquisitionType": "2D",
    "MagneticFieldStrength": 3,
    "Manufacturer": "Siemens",
    "ManufacturersModelName": "Prisma",
    "Modality": "MR",
    "MultibandAccelerationFactor": 3,
    "NumberOfVolumesDiscardedByScanner": 3,
    "PartialFourier": 1,
    "PatientPosition": "HFS",
    "PercentPhaseFOV": 100,
    "PhaseEncodingDirection": "j-",
    "PhaseEncodingSteps": 96,
    "PhaseResolution": 1,
    "PixelBandwidth": 2480,
    "ProcedureStepDescription": "Hasson_Nastase_042518_Storyteller",
    "ProtocolName": "func_task-bronx",
    "PulseSequenceDetails": "%SiemensSeq%_ep2d_bold",
    "ReceiveCoilActiveElements": "HC1-7;NC1",
    "ReceiveCoilName": "HeadNeck_64",
    "ReconMatrixPE": 96,
    "RepetitionTime": 1.5,
    "SAR": 0.0415371,
    "ScanOptions": "FS",
    "ScanningSequence": "EP",
    "SequenceName": "_epfid2d1_96",
    "SequenceVariant": "SK",
    "SeriesDescription": "func_task-bronx",
    "SeriesNumber": 8,
    "ShimSetting": [
      759,
      529,
      2086,
      532,
      -48,
      44,
      65,
      37
    ],
    "SliceThickness": 2.5,
    "SliceTiming": [
      1.11,
      0,
      0.74,
      0.0925,
      0.8325,
      0.185,
      0.925,
      0.2775,
      1.0175,
      0.4625,
      1.2025,
      0.555,
      1.295,
      0.6475,
      1.3875,
      0.37,
      1.11,
      0,
      0.74,
      0.0925,
      0.8325,
      0.185,
      0.925,
      0.2775,
      1.0175,
      0.4625,
      1.2025,
      0.555,
      1.295,
      0.6475,
      1.3875,
      0.37,
      1.11,
      0,
      0.74,
      0.0925,
      0.8325,
      0.185,
      0.925,
      0.2775,
      1.0175,
      0.4625,
      1.2025,
      0.555,
      1.295,
      0.6475,
      1.3875,
      0.37
    ],
    "SoftwareVersions": "syngo_MR_E11",
    "SpacingBetweenSlices": 2.5,
    "StationName": "AWP66018",
    "TaskDescription": "Passively listened to audio story 'bronx'",
    "TaskName": "bronx",
    "TotalReadoutTime": 0.0484496,
    "TxRefAmp": 216.416,
    "dataset": "ds002345",
    "modality": "bold",
    "subject_id": "294",
    "task_id": "bronx"
  },
  "dummy_trs": 0,
  "dvars_nstd": 26.68474684308485,
  "dvars_std": 1.2356279470694083,
  "dvars_vstd": 1.000449874138818,
  "efc": 0.459014524398395,
  "fber": 3513.853271484375,
  "fd_mean": 0.10741170409198035,
  "fd_num": 20,
  "fd_perc": 5.128205128205129,
  "fwhm_avg": 1.9675706666666668,
  "fwhm_x": 1.893996,
  "fwhm_y": 2.1103840000000003,
  "fwhm_z": 1.898332,
  "gcor": 0.0302024,
  "gsr_x": -0.017899315804243088,
  "gsr_y": 0.022770902141928673,
  "provenance": {
    "md5sum": "ad9041559ee3dd509a4434f553122d69",
    "settings": {
      "fd_thres": 0.2,
      "testing": false
    },
    "software": "mriqc",
    "version": "22.0.0rc1",
    "webapi_port": null,
    "webapi_url": "https://mriqc.nimh.nih.gov/api/v1"
  },
  "size_t": 390,
  "size_x": 96,
  "size_y": 96,
  "size_z": 48,
  "snr": 5.82767477176277,
  "spacing_tr": 1.5,
  "spacing_x": 2.5,
  "spacing_y": 2.5,
  "spacing_z": 2.5,
  "summary_bg_k": 35.54701876794306,
  "summary_bg_mad": 7.447224413433971,
  "summary_bg_mean": 29.41349220275879,
  "summary_bg_median": 12.2615385055542,
  "summary_bg_n": 313808.0,
  "summary_bg_p05": 5.138461589813232,
  "summary_bg_p95": 115.87679939269992,
  "summary_bg_stdv": 56.100135803222656,
  "summary_fg_k": 2.336725652539169,
  "summary_fg_mad": 120.87008696859306,
  "summary_fg_mean": 735.0574951171875,
  "summary_fg_median": 735.1256713867188,
  "summary_fg_n": 67029.0,
  "summary_fg_p05": 555.5343505859375,
  "summary_fg_p95": 929.9958984374999,
  "summary_fg_stdv": 126.1429672241211,
  "tsnr": 66.05125828273594
}