{
  "aor": 0.0003969272727272727,
  "aqi": 0.007590236418181818,
  "bids_meta": {
    "AcquisitionMatrixPE": 96,
    "BandwidthPerPixelPhaseEncode": 20.425,
    "BaseResolution": 96,
    "BodyPartExamined": "BRAIN",
    "ConsistencyInfo": "N4_VE11C_LATEST_20160120",
    "ConversionSoftware": "dcm2niix",
    "ConversionSoftwareVersion": "v1.0.20180328 GCC6.3.0",
    "DerivedVendorReportedEchoSpacing": 0.000509996,
    "DeviceSerialNumber": "66018",
    "DwellTime": 2.1e-06,
    "EchoTime": 0.031,
    "EchoTrainLength": 96,
    "EffectiveEchoSpacing": 0.000509996,
    "FlipAngle": 67,
    "ImageOrientationPatientDICOM": [
      1,
      0,
      0,
      0,
      1,
      0
    ],
    "ImageType": [
      "ORIGINAL",
      "PRIMARY",
      "M",
      "ND",
      "NORM",
      "MOSAIC"
    ],
    "InPlanePhaseEncodingDirectionDICOM": "COL",
    "InstitutionAddress": "Washington Rd, Princeton, NJ 08540, USA",
    "InstitutionName": "Princeton University",
    "InstitutionalDepartmentName": "Princeton Neuroscience Institute",
    "MRAcquisitionType": "2D",
    "MagneticFieldStrength": 3,
    "Manufacturer": "Siemens",
    "ManufacturersModelName": "Prisma",
    "Modality": "MR",
    "MultibandAccelerationFactor": 3,
    "NumberOfVolumesDiscardedByScanner": 3,
    "PartialFourier": 1,
    "PatientPosition": "HFS",
    "PercentPhaseFOV": 100,
    "PhaseEncodingDirection": "j-",
    "PhaseEncodingSteps": 96,
    "PhaseResolution": 1,
    "PixelBandwidth": 2480,
    "ProcedureStepDescription": "Hasson_Nastase_042518_Storyteller",
    "ProtocolName": "func_task-black",
    "PulseSequenceDetails": "%SiemensSeq%_ep2d_bold",
    "ReceiveCoilActiveElements": "HC1-7;NC1",
    "ReceiveCoilName": "HeadNeck_64",
    "ReconMatrixPE": 96,
    "RepetitionTime": 1.5,
    "SAR": 0.0415595,
    "ScanOptions": "FS",
    "ScanningSequence": "EP",
    "SequenceName": "_epfid2d1_96",
    "SequenceVariant": "SK",
    "SeriesDescription": "func_task-black",
    "SeriesNumber": 9,
    "ShimSetting": [
      759,
      529,
      2086,
      532,
      -48,
      44,
      65,
      37
    ],
    "SliceThickness": 2.5,
    "SliceTiming": [
      1.11,
      0,
      0.74,
      0.0925,
      0.8325,
      0.185,
      0.925,
      0.2775,
      1.0175,
      0.4625,
      1.2025,
      0.555,
      1.295,
      0.6475,
      1.3875,
      0.37,
      1.11,
      0,
      0.74,
      0.0925,
      0.8325,
      0.185,
      0.925,
      0.2775,
      1.0175,
      0.4625,
      1.2025,
      0.555,
      1.295,
      0.6475,
      1.3875,
      0.37,
      1.11,
      0,
      0.74,
      0.0925,
      0.8325,
      0.185,
      0.925,
      0.2775,
      1.0175,
      0.4625,
      1.2025,
      0.555,
      1.295,
      0.6475,
      1.3875,
      0.37
    ],
    "SoftwareVersions": "syngo_MR_E11",
    "SpacingBetweenSlices": 2.5,
    "StationName": "AWP66018",
    "TaskDescription": "Passively listened to audio story 'black'",
    "TaskName": "black",
    "TotalReadoutTime": 0.0484496,
    "TxRefAmp": 216.416,
    "dataset": "ds002345",
    "modality": "bold",
    "subject_id": "294",
    "task_id": "black"
  },
  "dummy_trs": 0,
  "dvars_nstd": 28.40288317887066,
  "dvars_std": 1.2498759536429869,
  "dvars_vstd": 0.9956789886156658,
  "efc": 0.4596620964307538,
  "fber": 3468.5048828125,
  "fd_mean": 0.124487814132613,
  "fd_num": 96,
  "fd_perc": 17.454545454545453,
  "fwhm_avg": 1.969416,
  "fwhm_x": 1.8977720000000002,
  "fwhm_y": 2.1183039999999997,
  "fwhm_z": 1.892172,
  "gcor": 0.0566753,
  "gsr_x": -0.01780443638563156,
  "gsr_y": 0.02331334538757801,
  "provenance": {
    "md5sum": "a429deb43cd22f660077142f1f4b2327",
    "settings": {
      "fd_thres": 0.2,
      "testing": false
    },
    "software": "mriqc",
    "version": "22.0.0rc1",
    "webapi_port": null,
    "webapi_url": "https://mriqc.nimh.nih.gov/api/v1"
  },
  "size_t": 550,
  "size_x": 96,
  "size_y": 96,
  "size_z": 48,
  "snr": 5.816120696543892,
  "spacing_tr": 1.5,
  "spacing_x": 2.5,
  "spacing_y": 2.5,
  "spacing_z": 2.5,
  "summary_bg_k": 35.15684463482076,
  "summary_bg_mad": 7.456141297752328,
  "summary_bg_mean": 29.413753509521484,
  "summary_bg_median": 12.285454750061035,
  "summary_bg_n": 313588.0,
  "summary_bg_p05": 5.159999847412109,
  "summary_bg_p95": 116.0,
  "summary_bg_stdv": 55.78068542480469,
  "summary_fg_k": 2.3304225809262347,
  "summary_fg_mad": 120.4493044785997,
  "summary_fg_mean": 731.8318481445312,
  "summary_fg_median": 732.2145385742188,
  "summary_fg_n": 67213.0,
  "summary_fg_p05": 552.8785522460937,
  "summary_fg_p95": 925.8370971679688,
  "summary_fg_stdv": 125.89303588867188,
  "tsnr": 61.39826200157404
}