{
  "aor": 0.0006314965986394558,
  "aqi": 0.005729561768707483,
  "bids_meta": {
    "AcquisitionMatrixPE": 96,
    "BandwidthPerPixelPhaseEncode": 20.425,
    "BaseResolution": 96,
    "BodyPartExamined": "BRAIN",
    "ConsistencyInfo": "N4_VE11C_LATEST_20160120",
    "ConversionSoftware": "dcm2niix",
    "ConversionSoftwareVersion": "v1.0.20180328 GCC6.3.0",
    "DerivedVendorReportedEchoSpacing": 0.000509996,
    "DeviceSerialNumber": "66018",
    "DwellTime": 2.1e-06,
    "EchoTime": 0.031,
    "EchoTrainLength": 96,
    "EffectiveEchoSpacing": 0.000509996,
    "FlipAngle": 67,
    "ImageOrientationPatientDICOM": [
      1,
      0,
      0,
      0,
      1,
      0
    ],
    "ImageType": [
      "ORIGINAL",
      "PRIMARY",
      "M",
      "ND",
      "NORM",
      "MOSAIC"
    ],
    "InPlanePhaseEncodingDirectionDICOM": "COL",
    "InstitutionAddress": "Washington Rd, Princeton, NJ 08540, USA",
    "InstitutionName": "Princeton University",
    "InstitutionalDepartmentName": "Princeton Neuroscience Institute",
    "MRAcquisitionType": "2D",
    "MagneticFieldStrength": 3,
    "Manufacturer": "Siemens",
    "ManufacturersModelName": "Prisma",
    "Modality": "MR",
    "MultibandAccelerationFactor": 3,
    "NumberOfVolumesDiscardedByScanner": 3,
    "PartialFourier": 1,
    "PatientPosition": "HFS",
    "PercentPhaseFOV": 100,
    "PhaseEncodingDirection": "j-",
    "PhaseEncodingSteps": 96,
    "PhaseResolution": 1,
    "PixelBandwidth": 2480,
    "ProcedureStepDescription": "Hasson_Nastase_042518_Storyteller",
    "ProtocolName": "func_task-pieman",
    "PulseSequenceDetails": "%SiemensSeq%_ep2d_bold",
    "ReceiveCoilActiveElements": "HC1-7;NC1",
    "ReceiveCoilName": "HeadNeck_64",
    "ReconMatrixPE": 96,
    "RepetitionTime": 1.5,
    "SAR": 0.0415122,
    "ScanOptions": "FS",
    "ScanningSequence": "EP",
    "SequenceName": "_epfid2d1_96",
    "SequenceVariant": "SK",
    "SeriesDescription": "func_task-pieman",
    "SeriesNumber": 7,
    "ShimSetting": [
      759,
      529,
      2086,
      532,
      -48,
      44,
      65,
      37
    ],
    "SliceThickness": 2.5,
    "SliceTiming": [
      1.11,
      0,
      0.74,
      0.0925,
      0.8325,
      0.185,
      0.925,
      0.2775,
      1.0175,
      0.4625,
      1.2025,
      0.555,
      1.295,
      0.6475,
      1.3875,
      0.37,
      1.11,
      0,
      0.74,
      0.0925,
      0.8325,
      0.185,
      0.925,
      0.2775,
      1.0175,
      0.4625,
      1.2025,
      0.555,
      1.295,
      0.6475,
      1.3875,
      0.37,
      1.11,
      0,
      0.74,
      0.0925,
      0.8325,
      0.185,
      0.925,
      0.2775,
      1.0175,
      0.4625,
      1.2025,
      0.555,
      1.295,
      0.6475,
      1.3875,
      0.37
    ],
    "SoftwareVersions": "syngo_MR_E11",
    "SpacingBetweenSlices": 2.5,
    "StationName": "AWP66018",
    "TaskDescription": "Passively listened to audio story 'piemanpni'",
    "TaskName": "piemanpni",
    "TotalReadoutTime": 0.0484496,
    "TxRefAmp": 216.416,
    "dataset": "ds002345",
    "modality": "bold",
    "subject_id": "294",
    "task_id": "piemanpni"
  },
  "dummy_trs": 0,
  "dvars_nstd": 27.270429637269615,
  "dvars_std": 1.2592354043344713,
  "dvars_vstd": 1.0084256356313994,
  "efc": 0.45808137010671496,
  "fber": 3613.878662109375,
  "fd_mean": 0.10286444920167633,
  "fd_num": 13,
  "fd_perc": 4.421768707482993,
  "fwhm_avg": 1.968388,
  "fwhm_x": 1.9014600000000002,
  "fwhm_y": 2.107836,
  "fwhm_z": 1.895868,
  "gcor": 0.0211926,
  "gsr_x": -0.017555024474859238,
  "gsr_y": 0.023638401180505753,
  "provenance": {
    "md5sum": "103ad4878c3f920566fb2cc5776bb9a9",
    "settings": {
      "fd_thres": 0.2,
      "testing": false
    },
    "software": "mriqc",
    "version": "22.0.0rc1",
    "webapi_port": null,
    "webapi_url": "https://mriqc.nimh.nih.gov/api/v1"
  },
  "size_t": 294,
  "size_x": 96,
  "size_y": 96,
  "size_z": 48,
  "snr": 5.796855442012714,
  "spacing_tr": 1.5,
  "spacing_x": 2.5,
  "spacing_y": 2.5,
  "spacing_z": 2.5,
  "summary_bg_k": 35.738503234935386,
  "summary_bg_mad": 7.413009678608352,
  "summary_bg_mean": 29.19947624206543,
  "summary_bg_median": 12.156462669372559,
  "summary_bg_n": 313917.0,
  "summary_bg_p05": 5.088435173034668,
  "summary_bg_p95": 114.49591522216812,
  "summary_bg_stdv": 55.56721115112305,
  "summary_fg_k": 2.457012616898383,
  "summary_fg_mad": 121.14472672281453,
  "summary_fg_mean": 737.8421630859375,
  "summary_fg_median": 738.0850219726562,
  "summary_fg_n": 67019.0,
  "summary_fg_p05": 556.8891296386719,
  "summary_fg_p95": 933.8289184570312,
  "summary_fg_stdv": 127.3241195678711,
  "tsnr": 68.75974344369024
}