{
  "aor": 0.0006235017421602787,
  "aqi": 0.007156473937282229,
  "bids_meta": {
    "AcquisitionMatrixPE": 96,
    "BandwidthPerPixelPhaseEncode": 20.425,
    "BaseResolution": 96,
    "BodyPartExamined": "BRAIN",
    "ConsistencyInfo": "N4_VE11C_LATEST_20160120",
    "ConversionSoftware": "dcm2niix",
    "ConversionSoftwareVersion": "v1.0.20180328 GCC6.3.0",
    "DerivedVendorReportedEchoSpacing": 0.000509996,
    "DeviceSerialNumber": "66018",
    "DwellTime": 2.1e-06,
    "EchoTime": 0.031,
    "EchoTrainLength": 96,
    "EffectiveEchoSpacing": 0.000509996,
    "FlipAngle": 67,
    "ImageOrientationPatientDICOM": [
      1,
      0,
      0,
      0,
      1,
      0
    ],
    "ImageType": [
      "ORIGINAL",
      "PRIMARY",
      "M",
      "ND",
      "NORM",
      "MOSAIC"
    ],
    "InPlanePhaseEncodingDirectionDICOM": "COL",
    "InstitutionAddress": "Washington Rd, Princeton, NJ 08540, USA",
    "InstitutionName": "Princeton University",
    "InstitutionalDepartmentName": "Princeton Neuroscience Institute",
    "MRAcquisitionType": "2D",
    "MagneticFieldStrength": 3,
    "Manufacturer": "Siemens",
    "ManufacturersModelName": "Prisma",
    "Modality": "MR",
    "MultibandAccelerationFactor": 3,
    "NumberOfVolumesDiscardedByScanner": 3,
    "PartialFourier": 1,
    "PatientPosition": "HFS",
    "PercentPhaseFOV": 100,
    "PhaseEncodingDirection": "j-",
    "PhaseEncodingSteps": 96,
    "PhaseResolution": 1,
    "PixelBandwidth": 2480,
    "ProcedureStepDescription": "Hasson_Nastase_042518_Storyteller",
    "ProtocolName": "func_task-forgot",
    "PulseSequenceDetails": "%SiemensSeq%_ep2d_bold",
    "ReceiveCoilActiveElements": "HC1-7;NC1",
    "ReceiveCoilName": "HeadNeck_64",
    "ReconMatrixPE": 96,
    "RepetitionTime": 1.5,
    "SAR": 0.0415617,
    "ScanOptions": "FS",
    "ScanningSequence": "EP",
    "SequenceName": "_epfid2d1_96",
    "SequenceVariant": "SK",
    "SeriesDescription": "func_task-forgot",
    "SeriesNumber": 10,
    "ShimSetting": [
      759,
      529,
      2086,
      532,
      -48,
      44,
      65,
      37
    ],
    "SliceThickness": 2.5,
    "SliceTiming": [
      1.11,
      0,
      0.74,
      0.0925,
      0.8325,
      0.185,
      0.925,
      0.2775,
      1.0175,
      0.4625,
      1.2025,
      0.555,
      1.295,
      0.6475,
      1.3875,
      0.37,
      1.11,
      0,
      0.74,
      0.0925,
      0.8325,
      0.185,
      0.925,
      0.2775,
      1.0175,
      0.4625,
      1.2025,
      0.555,
      1.295,
      0.6475,
      1.3875,
      0.37,
      1.11,
      0,
      0.74,
      0.0925,
      0.8325,
      0.185,
      0.925,
      0.2775,
      1.0175,
      0.4625,
      1.2025,
      0.555,
      1.295,
      0.6475,
      1.3875,
      0.37
    ],
    "SoftwareVersions": "syngo_MR_E11",
    "SpacingBetweenSlices": 2.5,
    "StationName": "AWP66018",
    "TaskDescription": "Passively listened to audio story 'forgot'",
    "TaskName": "forgot",
    "TotalReadoutTime": 0.0484496,
    "TxRefAmp": 216.416,
    "dataset": "ds002345",
    "modality": "bold",
    "subject_id": "294",
    "task_id": "forgot"
  },
  "dummy_trs": 0,
  "dvars_nstd": 27.932356842600356,
  "dvars_std": 1.2596194939267016,
  "dvars_vstd": 1.013318619528796,
  "efc": 0.45896276720229695,
  "fber": 3483.9697265625,
  "fd_mean": 0.11595350920773488,
  "fd_num": 58,
  "fd_perc": 10.104529616724738,
  "fwhm_avg": 1.9791079999999999,
  "fwhm_x": 1.9157,
  "fwhm_y": 2.12302,
  "fwhm_z": 1.898604,
  "gcor": 0.0501234,
  "gsr_x": -0.017493652179837227,
  "gsr_y": 0.023016300052404404,
  "provenance": {
    "md5sum": "1f15af634ffcd7cea94540be57b71b03",
    "settings": {
      "fd_thres": 0.2,
      "testing": false
    },
    "software": "mriqc",
    "version": "22.0.0rc1",
    "webapi_port": null,
    "webapi_url": "https://mriqc.nimh.nih.gov/api/v1"
  },
  "size_t": 574,
  "size_x": 96,
  "size_y": 96,
  "size_z": 48,
  "snr": 5.775982783369654,
  "spacing_tr": 1.5,
  "spacing_x": 2.5,
  "spacing_y": 2.5,
  "spacing_z": 2.5,
  "summary_bg_k": 36.37720930127049,
  "summary_bg_mad": 7.41042786131424,
  "summary_bg_mean": 29.442106246948242,
  "summary_bg_median": 12.243902206420898,
  "summary_bg_n": 314028.0,
  "summary_bg_p05": 5.148083686828613,
  "summary_bg_p95": 116.71829261779773,
  "summary_bg_stdv": 56.17665100097656,
  "summary_fg_k": 2.2574271257801817,
  "summary_fg_mad": 120.91216521759239,
  "summary_fg_mean": 730.3074951171875,
  "summary_fg_median": 730.5592651367188,
  "summary_fg_n": 67001.0,
  "summary_fg_p05": 550.0348510742188,
  "summary_fg_p95": 926.731689453125,
  "summary_fg_stdv": 126.4813003540039,
  "tsnr": 63.515356035903096
}