{
  "bids_meta": {
    "DeviceSerialNumber": "45031",
    "DwellTime": 8.2e-06,
    "EchoTime": 0.00308,
    "FlipAngle": 9,
    "InstitutionAddress": "Washington Rd, Princeton, NJ 08540, USA",
    "InstitutionName": "Princeton University",
    "InstitutionalDepartmentName": "Princeton Neuroscience Institute",
    "InversionTime": 0.9,
    "MagneticFieldStrength": 3,
    "Manufacturer": "Siemens",
    "ManufacturersModelName": "Skyra",
    "ParallelReductionFactorInPlane": 2,
    "ParallelReductionType": "GRAPPA",
    "PartialFourier": 1,
    "PixelBandwidth": 240,
    "PulseSequenceDetails": "%SiemensSeq%_tfl",
    "PulseSequenceType": "MPRAGE",
    "ReceiveCoilActiveElements": "HE1-4",
    "ReceiveCoilName": "HeadNeck_20",
    "RepetitionTime": 2.3,
    "ScanOptions": "IR",
    "ScanningSequence": "GR_IR",
    "SequenceName": "_tfl3d1_16ns",
    "SequenceVariant": "SK_SP_MP",
    "SoftwareVersions": "syngo_MR_D11",
    "StationName": "AWP45031",
    "dataset": "ds002345",
    "modality": "T1w",
    "run_id": 1,
    "subject_id": "050"
  },
  "cjv": 0.5148262334365291,
  "cnr": 2.5496542351083438,
  "efc": 0.6792279112100855,
  "fber": 905.6692773228906,
  "fwhm_avg": 3.5310010796342244,
  "fwhm_x": 3.5487443034300155,
  "fwhm_y": 3.7123144392973773,
  "fwhm_z": 3.3319444961752804,
  "icvs_csf": 0.18484577192324472,
  "icvs_gm": 0.4188002071273391,
  "icvs_wm": 0.39635402094941613,
  "inu_med": 1.4567534923553467,
  "inu_range": 0.6859031915664673,
  "provenance": {
    "md5sum": "789d04c340b74186e249b1518237a619",
    "settings": {
      "testing": false
    },
    "software": "mriqc",
    "version": "21.0.0rc2",
    "warnings": {
      "large_rot_frame": true,
      "small_air_mask": false
    },
    "webapi_port": null,
    "webapi_url": "https://mriqc.nimh.nih.gov/api/v1"
  },
  "qi_1": 0.0,
  "qi_2": 0.002204733657930268,
  "rpve_csf": 16.344465930018416,
  "rpve_gm": 7.821694311823103,
  "rpve_wm": 9.949509756877799,
  "size_x": 192,
  "size_y": 256,
  "size_z": 256,
  "snr_csf": 2.4111877059177846,
  "snr_gm": 8.857807996273683,
  "snr_total": 8.76428385570027,
  "snr_wm": 15.023855864909345,
  "snrd_csf": 18.555597017236916,
  "snrd_gm": 39.5989592449228,
  "snrd_total": 37.53104065740275,
  "snrd_wm": 54.43856571004853,
  "spacing_x": 0.9000000357627869,
  "spacing_y": 0.8593749403953552,
  "spacing_z": 0.8593750596046448,
  "summary_bg_k": 23.891581471736014,
  "summary_bg_mad": 12.035186451471622,
  "summary_bg_mean": 20.75552756912344,
  "summary_bg_median": 16.618728935718536,
  "summary_bg_n": 2480327.0,
  "summary_bg_p05": 2.7484820932149887,
  "summary_bg_p95": 48.449986666440964,
  "summary_bg_stdv": 16.02288683986901,
  "summary_csf_k": 15.43988311839901,
  "summary_csf_mad": 138.8310878063459,
  "summary_csf_mean": 361.0785320698342,
  "summary_csf_median": 340.8756977468729,
  "summary_csf_n": 20143.0,
  "summary_csf_p05": 173.35251825600864,
  "summary_csf_p95": 594.2473958283663,
  "summary_csf_stdv": 141.36901719089812,
  "summary_gm_k": 0.38896021696211847,
  "summary_gm_mad": 77.9917988154421,
  "summary_gm_mean": 729.6308000916368,
  "summary_gm_median": 727.4529000669718,
  "summary_gm_n": 35607.0,
  "summary_gm_p05": 598.7855871915817,
  "summary_gm_p95": 869.7987052202225,
  "summary_gm_stdv": 82.12445847491064,
  "summary_wm_k": 0.8362518397689471,
  "summary_wm_mad": 62.355532953293924,
  "summary_wm_mean": 1001.8134772503583,
  "summary_wm_median": 1000.0639728009701,
  "summary_wm_n": 439768.0,
  "summary_wm_p05": 896.1969169527292,
  "summary_wm_p95": 1112.2403931170702,
  "summary_wm_stdv": 66.5649913548673,
  "tpm_overlap_csf": 0.17826414108276367,
  "tpm_overlap_gm": 0.4353300631046295,
  "tpm_overlap_wm": 0.49758726358413696,
  "wm2max": 0.4821787923338018
}