{
  "bids_meta": {
    "DeviceSerialNumber": "66018",
    "DwellTime": 9.8e-06,
    "EchoTime": 0.00267,
    "FlipAngle": 7,
    "InstitutionAddress": "Washington Rd, Building 25, Princeton, NJ 08540, USA",
    "InstitutionName": "Princeton University",
    "InstitutionalDepartmentName": "Princeton Neuroscience Institute",
    "InversionTime": 1.2,
    "MagneticFieldStrength": 3,
    "Manufacturer": "Siemens",
    "ManufacturersModelName": "Prisma",
    "ParallelReductionFactorInPlane": 2,
    "ParellelReductionType": "TODO",
    "PartialFourier": 1,
    "PixelBandwidth": 200,
    "PulseSequenceDetails": "%SiemensSeq%_tfl",
    "PulseSequenceType": "MPRAGE",
    "ReceiveCoilActiveElements": "HC1-7;NC1",
    "ReceiveCoilName": "HeadNeck_64",
    "RepetitionTime": 2.53,
    "ScanOptions": "IR",
    "ScanningSequence": "GR_IR",
    "SequenceName": "_tfl3d1_16",
    "SequenceVariant": "SK_SP_MP",
    "SoftwareVersions": "syngo_MR_D13D",
    "StationName": "AWP66018",
    "dataset": "ds002345",
    "modality": "T1w",
    "subject_id": "213"
  },
  "cjv": 0.4159755703810719,
  "cnr": 2.9439099938291595,
  "efc": 0.5944476927559951,
  "fber": 375.36325967953013,
  "fwhm_avg": 3.8405066666666667,
  "fwhm_x": 3.7446,
  "fwhm_y": 3.81419,
  "fwhm_z": 3.96273,
  "icvs_csf": 0.18894484502401848,
  "icvs_gm": 0.39766807768548124,
  "icvs_wm": 0.4133870772905003,
  "inu_med": 1.1930203437805176,
  "inu_range": 0.533761864900589,
  "provenance": {
    "md5sum": "23e8a529a51fe3d2ac354bb345403356",
    "settings": {
      "testing": false
    },
    "software": "mriqc",
    "version": "22.0.0rc1",
    "warnings": {
      "large_rot_frame": true,
      "small_air_mask": false
    },
    "webapi_port": null,
    "webapi_url": "https://mriqc.nimh.nih.gov/api/v1"
  },
  "qi_1": 0.0,
  "qi_2": 0.0025028564750978546,
  "rpve_csf": 29.369449952416254,
  "rpve_gm": 14.545741268436426,
  "rpve_wm": 17.656093983062338,
  "size_x": 176,
  "size_y": 256,
  "size_z": 256,
  "snr_csf": 2.8249324198832184,
  "snr_gm": 10.04008874638065,
  "snr_total": 11.712214876868016,
  "snr_wm": 22.271623464340177,
  "snrd_csf": 13.953359205028182,
  "snrd_gm": 22.585911344302428,
  "snrd_total": 22.369985354334343,
  "snrd_wm": 30.570685513672412,
  "spacing_x": 1.0,
  "spacing_y": 1.0,
  "spacing_z": 1.0,
  "summary_bg_k": 1.428361036959675,
  "summary_bg_mad": 21.430215936131102,
  "summary_bg_mean": 37.77331004763098,
  "summary_bg_median": 35.48855118453503,
  "summary_bg_n": 3149691.0,
  "summary_bg_p05": 8.703761458396912,
  "summary_bg_p95": 74.91451826691628,
  "summary_bg_stdv": 21.00523876874374,
  "summary_csf_k": 35.563172985730446,
  "summary_csf_mad": 105.8837013188413,
  "summary_csf_mean": 440.94738415898007,
  "summary_csf_median": 456.42939552664757,
  "summary_csf_n": 9018.0,
  "summary_csf_p05": 181.67547801285983,
  "summary_csf_p95": 595.1870402529835,
  "summary_csf_stdv": 161.56283422469608,
  "summary_gm_k": 0.39311828804347826,
  "summary_gm_mad": 68.015972084029,
  "summary_gm_mean": 738.3986221024746,
  "summary_gm_median": 738.8094659373164,
  "summary_gm_n": 11346.0,
  "summary_gm_p05": 616.3092042207718,
  "summary_gm_p95": 861.8537127450109,
  "summary_gm_stdv": 73.58270685998356,
  "summary_wm_k": 1.8936053225890976,
  "summary_wm_mad": 40.63291838786148,
  "summary_wm_mean": 1001.5342882000009,
  "summary_wm_median": 1000.0000218451023,
  "summary_wm_n": 212388.0,
  "summary_wm_p05": 931.5615165680647,
  "summary_wm_p95": 1074.9145401120186,
  "summary_wm_stdv": 44.90007965793063,
  "tpm_overlap_csf": 0.16708500683307648,
  "tpm_overlap_gm": 0.4378853142261505,
  "tpm_overlap_wm": 0.5213695764541626,
  "wm2max": 0.4190181305880013
}