{
  "aor": 0.0016989793103448275,
  "aqi": 0.011356048344827589,
  "bids_meta": {
    "CogAtlasID": "https://www.cognitiveatlas.org/task/id/trm_4c8991fadfe01",
    "DeviceSerialNumber": "45031",
    "DwellTime": 4.9e-06,
    "EchoTime": 0.028,
    "EffectiveEchoSpacing": 0.000355001,
    "FlipAngle": 64,
    "InstitutionAddress": "Washington Rd, Princeton, NJ 08540, USA",
    "InstitutionName": "Princeton University",
    "InstitutionalDepartmentName": "Princeton Neuroscience Institute",
    "MagneticFieldStrength": 3,
    "Manufacturer": "Siemens",
    "ManufacturersModelName": "Skyra",
    "NumberOfVolumesDiscardedByScanner": 3,
    "ParallelReductionFactorInPlane": 2,
    "ParallelReductionType": "GRAPPA",
    "PartialFourier": 1,
    "PhaseEncodingDirection": "j-",
    "PixelBandwidth": 1595,
    "PulseSequenceDetails": "%SiemensSeq%_ep2d_bold",
    "PulseSequenceType": "Gradient Echo EPI",
    "ReceiveCoilActiveElements": "HE1-4",
    "ReceiveCoilName": "HeadNeck_20",
    "RepetitionTime": 1.5,
    "ScanOptions": "FS",
    "ScanningSequence": "EP",
    "SequenceName": "_epfid2d1_64",
    "SequenceVariant": "SK",
    "SliceTiming": [
      0,
      0.7675,
      0.055,
      0.8225,
      0.1075,
      0.875,
      0.1625,
      0.93,
      0.2175,
      0.985,
      0.2725,
      1.04,
      0.3275,
      1.095,
      0.3825,
      1.15,
      0.4375,
      1.205,
      0.4925,
      1.26,
      0.5475,
      1.315,
      0.6025,
      1.37,
      0.6575,
      1.425,
      0.7125
    ],
    "SoftwareVersions": "syngo_MR_D13",
    "StationName": "AWP45031",
    "TaskDescription": "Passively listened to audio story 'sherlock'",
    "TaskName": "sherlock",
    "TotalReadoutTime": 0.022365,
    "dataset": "ds002345",
    "modality": "bold",
    "subject_id": "148",
    "task_id": "sherlock"
  },
  "dummy_trs": 0,
  "dvars_nstd": 20.30918308908838,
  "dvars_std": 1.1771419447375693,
  "dvars_vstd": 1.0155690592679554,
  "efc": 0.6063333048508008,
  "fber": 2157.397705078125,
  "fd_mean": 0.1038836010850191,
  "fd_num": 60,
  "fd_perc": 8.275862068965518,
  "fwhm_avg": 1.6580894444444443,
  "fwhm_x": 1.6057066666666666,
  "fwhm_y": 1.8408766666666667,
  "fwhm_z": 1.527685,
  "gcor": 0.014909,
  "gsr_x": -0.017172198742628098,
  "gsr_y": 0.05066082999110222,
  "provenance": {
    "md5sum": "2517b783813fcd7dfbdc364229b6f150",
    "settings": {
      "fd_thres": 0.2,
      "testing": false
    },
    "software": "mriqc",
    "version": "22.0.0rc1",
    "webapi_port": null,
    "webapi_url": "https://mriqc.nimh.nih.gov/api/v1"
  },
  "size_t": 725,
  "size_x": 64,
  "size_y": 64,
  "size_z": 27,
  "snr": 7.643934092040401,
  "spacing_tr": 1.5,
  "spacing_x": 3.0,
  "spacing_y": 3.0,
  "spacing_z": 4.0,
  "summary_bg_k": 42.421807847007706,
  "summary_bg_mad": 8.404820589212235,
  "summary_bg_mean": 31.45212173461914,
  "summary_bg_median": 14.160000801086426,
  "summary_bg_n": 51385.0,
  "summary_bg_p05": 7.056827831268311,
  "summary_bg_p95": 109.04193572998042,
  "summary_bg_stdv": 49.35243606567383,
  "summary_fg_k": 4.3798470241587655,
  "summary_fg_mad": 74.83358685586254,
  "summary_fg_mean": 700.982666015625,
  "summary_fg_median": 692.3779296875,
  "summary_fg_n": 30631.0,
  "summary_fg_p05": 583.6200256347656,
  "summary_fg_p95": 846.2476196289062,
  "summary_fg_stdv": 90.57726287841797,
  "tsnr": 72.25897043361329
}