{
  "aor": 0.0006390731707317073,
  "aqi": 0.009114169528455285,
  "bids_meta": {
    "CogAtlasID": "https://www.cognitiveatlas.org/task/id/trm_4c8991fadfe01",
    "DeviceSerialNumber": "45031",
    "DwellTime": 4.9e-06,
    "EchoTime": 0.028,
    "EffectiveEchoSpacing": 0.000355001,
    "FlipAngle": 64,
    "InstitutionAddress": "Washington Rd, Princeton, NJ 08540, USA",
    "InstitutionName": "Princeton University",
    "InstitutionalDepartmentName": "Princeton Neuroscience Institute",
    "MagneticFieldStrength": 3,
    "Manufacturer": "Siemens",
    "ManufacturersModelName": "Skyra",
    "NumberOfVolumesDiscardedByScanner": 3,
    "ParallelReductionFactorInPlane": 2,
    "ParallelReductionType": "GRAPPA",
    "PartialFourier": 1,
    "PhaseEncodingDirection": "j-",
    "PixelBandwidth": 1595,
    "PulseSequenceDetails": "%SiemensSeq%_ep2d_bold",
    "PulseSequenceType": "Gradient Echo EPI",
    "ReceiveCoilActiveElements": "HE1-4",
    "ReceiveCoilName": "HeadNeck_20",
    "RepetitionTime": 1.5,
    "ScanOptions": "FS",
    "ScanningSequence": "EP",
    "SequenceName": "_epfid2d1_64",
    "SequenceVariant": "SK",
    "SliceTiming": [
      0,
      0.7675,
      0.055,
      0.8225,
      0.1075,
      0.875,
      0.1625,
      0.93,
      0.2175,
      0.985,
      0.2725,
      1.04,
      0.3275,
      1.095,
      0.3825,
      1.15,
      0.4375,
      1.205,
      0.4925,
      1.26,
      0.5475,
      1.315,
      0.6025,
      1.37,
      0.6575,
      1.425,
      0.7125
    ],
    "SoftwareVersions": "syngo_MR_D13",
    "StationName": "AWP45031",
    "TaskDescription": "Passively listened to audio story 'merlin'",
    "TaskName": "merlin",
    "TotalReadoutTime": 0.022365,
    "dataset": "ds002345",
    "modality": "bold",
    "subject_id": "148",
    "task_id": "merlin"
  },
  "dummy_trs": 0,
  "dvars_nstd": 19.517828142899038,
  "dvars_std": 1.1633152603094459,
  "dvars_vstd": 1.0019132176384367,
  "efc": 0.6063066918826284,
  "fber": 2182.63525390625,
  "fd_mean": 0.07948859076497543,
  "fd_num": 26,
  "fd_perc": 4.227642276422764,
  "fwhm_avg": 1.6530927777777775,
  "fwhm_x": 1.5934066666666666,
  "fwhm_y": 1.8353666666666666,
  "fwhm_z": 1.530505,
  "gcor": 0.015642,
  "gsr_x": -0.01826007105410099,
  "gsr_y": 0.050194524228572845,
  "provenance": {
    "md5sum": "278cabf7632456ff4de06a518067cf54",
    "settings": {
      "fd_thres": 0.2,
      "testing": false
    },
    "software": "mriqc",
    "version": "22.0.0rc1",
    "webapi_port": null,
    "webapi_url": "https://mriqc.nimh.nih.gov/api/v1"
  },
  "size_t": 615,
  "size_x": 64,
  "size_y": 64,
  "size_z": 27,
  "snr": 7.574134557089694,
  "spacing_tr": 1.5,
  "spacing_x": 3.0,
  "spacing_y": 3.0,
  "spacing_z": 4.0,
  "summary_bg_k": 46.64628855918537,
  "summary_bg_mad": 7.92288112532464,
  "summary_bg_mean": 31.325063705444336,
  "summary_bg_median": 14.085365295410156,
  "summary_bg_n": 51278.0,
  "summary_bg_p05": 7.341463088989258,
  "summary_bg_p95": 105.8195095062252,
  "summary_bg_stdv": 50.45280456542969,
  "summary_fg_k": 4.683254235094128,
  "summary_fg_mad": 75.14623277047049,
  "summary_fg_mean": 704.6129150390625,
  "summary_fg_median": 695.65283203125,
  "summary_fg_n": 30656.0,
  "summary_fg_p05": 585.9520263671875,
  "summary_fg_p95": 854.6650390625,
  "summary_fg_stdv": 91.84435272216797,
  "tsnr": 77.99747649021447
}