{
  "aor": 0.0017835806451612904,
  "aqi": 0.005191706387096775,
  "bids_meta": {
    "CogAtlasID": "https://www.cognitiveatlas.org/task/id/trm_4c8991fadfe01",
    "DeviceSerialNumber": "66018",
    "DwellTime": 4.2e-06,
    "EchoTime": 0.039,
    "EffectiveEchoSpacing": 0.000929976,
    "FlipAngle": 50,
    "InstitutionAddress": "Washington Rd, Princeton, NJ 08540, USA",
    "InstitutionName": "Princeton University",
    "InstitutionalDepartmentName": "Princeton Neuroscience Institute",
    "MagneticFieldStrength": 3,
    "Manufacturer": "Siemens",
    "ManufacturersModelName": "Prisma",
    "NumberOfVolumesDiscardedByScanner": 3,
    "ParallelReductionType": "GRAPPA",
    "PartialFourier": 0.75,
    "PhaseEncodingDirection": "j-",
    "PixelBandwidth": 1240,
    "PulseSequenceDetails": "%CustomerSeq%_ep2d_bold_sms_mgh_v22",
    "PulseSequenceType": "Gradient Echo EPI",
    "ReceiveCoilActiveElements": "HC1-7;NC1,2",
    "ReceiveCoilName": "HeadNeck_64",
    "RepetitionTime": 1.5,
    "ScanOptions": "PFP_FS",
    "ScanningSequence": "EP",
    "SequenceName": "epfSM2d1_96",
    "SequenceVariant": "SK",
    "SliceTiming": [
      0.6925,
      0,
      0.79,
      0.1,
      0.8875,
      0.1975,
      0.9875,
      0.2975,
      1.085,
      0.395,
      1.185,
      0.495,
      1.2825,
      0.5925,
      1.3825,
      0.6925,
      0,
      0.79,
      0.1,
      0.8875,
      0.1975,
      0.9875,
      0.2975,
      1.085,
      0.395,
      1.185,
      0.495,
      1.2825,
      0.5925,
      1.3825,
      0.6925,
      0,
      0.79,
      0.1,
      0.8875,
      0.1975,
      0.9875,
      0.2975,
      1.085,
      0.395,
      1.185,
      0.495,
      1.2825,
      0.5925,
      1.3825,
      0.6925,
      0,
      0.79,
      0.1,
      0.8875,
      0.1975,
      0.9875,
      0.2975,
      1.085,
      0.395,
      1.185,
      0.495,
      1.2825,
      0.5925,
      1.3825
    ],
    "SoftwareVersions": "syngo_MR_D13D",
    "StationName": "AWP66018",
    "TaskDescription": "Passively listened to audio story 'shapesphysical'",
    "TaskName": "shapesphysical",
    "TotalReadoutTime": 0.0883478,
    "dataset": "ds002345",
    "modality": "bold",
    "subject_id": "240",
    "task_id": "shapesphysical"
  },
  "dummy_trs": 1,
  "dvars_nstd": 35.511665881618114,
  "dvars_std": 1.171749944239482,
  "dvars_vstd": 1.0196258489644012,
  "efc": 0.5783812924067305,
  "fber": 358.7760009765625,
  "fd_mean": 0.1398729182026956,
  "fd_num": 42,
  "fd_perc": 13.548387096774194,
  "fwhm_avg": 3.0007283333333334,
  "fwhm_x": 2.86219,
  "fwhm_y": 3.12099,
  "fwhm_z": 3.019005,
  "gcor": 0.00907809,
  "gsr_x": -0.006313167978078127,
  "gsr_y": 0.05575314164161682,
  "provenance": {
    "md5sum": "857d33c194b7b97f7bedb032d445dfab",
    "settings": {
      "fd_thres": 0.2,
      "testing": false
    },
    "software": "mriqc",
    "version": "22.0.0rc1",
    "webapi_port": null,
    "webapi_url": "https://mriqc.nimh.nih.gov/api/v1"
  },
  "size_t": 310,
  "size_x": 96,
  "size_y": 96,
  "size_z": 60,
  "snr": 2.0123678552404685,
  "spacing_tr": 1.5,
  "spacing_x": 2.0,
  "spacing_y": 2.0,
  "spacing_z": 2.0,
  "summary_bg_k": 87.28300548974237,
  "summary_bg_mad": 8.489094442542456,
  "summary_bg_mean": 43.87160873413086,
  "summary_bg_median": 26.996774673461914,
  "summary_bg_n": 304436.0,
  "summary_bg_p05": 19.819355010986328,
  "summary_bg_p95": 118.63386917114258,
  "summary_bg_stdv": 54.63957977294922,
  "summary_fg_k": 4.322250128381136,
  "summary_fg_mad": 216.31642802364433,
  "summary_fg_mean": 583.2540893554688,
  "summary_fg_median": 528.6661376953125,
  "summary_fg_n": 158950.0,
  "summary_fg_p05": 280.06451416015625,
  "summary_fg_p95": 1075.5146850585936,
  "summary_fg_stdv": 262.7076721191406,
  "tsnr": 42.70742673939094
}