{
  "aor": 0.001196032258064516,
  "aqi": 0.004758268258064516,
  "bids_meta": {
    "CogAtlasID": "https://www.cognitiveatlas.org/task/id/trm_4c8991fadfe01",
    "DeviceSerialNumber": "66018",
    "DwellTime": 4.2e-06,
    "EchoTime": 0.039,
    "EffectiveEchoSpacing": 0.000929976,
    "FlipAngle": 50,
    "InstitutionAddress": "Washington Rd, Princeton, NJ 08540, USA",
    "InstitutionName": "Princeton University",
    "InstitutionalDepartmentName": "Princeton Neuroscience Institute",
    "MagneticFieldStrength": 3,
    "Manufacturer": "Siemens",
    "ManufacturersModelName": "Prisma",
    "NumberOfVolumesDiscardedByScanner": 3,
    "ParallelReductionType": "GRAPPA",
    "PartialFourier": 0.75,
    "PhaseEncodingDirection": "j-",
    "PixelBandwidth": 1240,
    "PulseSequenceDetails": "%CustomerSeq%_ep2d_bold_sms_mgh_v22",
    "PulseSequenceType": "Gradient Echo EPI",
    "ReceiveCoilActiveElements": "HC1-7;NC1,2",
    "ReceiveCoilName": "HeadNeck_64",
    "RepetitionTime": 1.5,
    "ScanOptions": "PFP_FS",
    "ScanningSequence": "EP",
    "SequenceName": "epfSM2d1_96",
    "SequenceVariant": "SK",
    "SliceTiming": [
      0.6925,
      0,
      0.79,
      0.1,
      0.8875,
      0.1975,
      0.9875,
      0.2975,
      1.085,
      0.395,
      1.185,
      0.495,
      1.2825,
      0.5925,
      1.3825,
      0.6925,
      0,
      0.79,
      0.1,
      0.8875,
      0.1975,
      0.9875,
      0.2975,
      1.085,
      0.395,
      1.185,
      0.495,
      1.2825,
      0.5925,
      1.3825,
      0.6925,
      0,
      0.79,
      0.1,
      0.8875,
      0.1975,
      0.9875,
      0.2975,
      1.085,
      0.395,
      1.185,
      0.495,
      1.2825,
      0.5925,
      1.3825,
      0.6925,
      0,
      0.79,
      0.1,
      0.8875,
      0.1975,
      0.9875,
      0.2975,
      1.085,
      0.395,
      1.185,
      0.495,
      1.2825,
      0.5925,
      1.3825
    ],
    "SoftwareVersions": "syngo_MR_D13D",
    "StationName": "AWP66018",
    "TaskDescription": "Passively listened to audio story 'shapessocial'",
    "TaskName": "shapessocial",
    "TotalReadoutTime": 0.0883478,
    "dataset": "ds002345",
    "modality": "bold",
    "subject_id": "240",
    "task_id": "shapessocial"
  },
  "dummy_trs": 1,
  "dvars_nstd": 35.890211611585784,
  "dvars_std": 1.1578529155339807,
  "dvars_vstd": 1.0132864683818772,
  "efc": 0.5800337716515616,
  "fber": 346.0365295410156,
  "fd_mean": 0.15937668613069683,
  "fd_num": 79,
  "fd_perc": 25.483870967741936,
  "fwhm_avg": 3.0231266666666667,
  "fwhm_x": 2.88357,
  "fwhm_y": 3.14842,
  "fwhm_z": 3.03739,
  "gcor": 0.0204677,
  "gsr_x": -0.0085908779874444,
  "gsr_y": 0.054952528327703476,
  "provenance": {
    "md5sum": "7936940203e42b00579ae6c5173476b7",
    "settings": {
      "fd_thres": 0.2,
      "testing": false
    },
    "software": "mriqc",
    "version": "22.0.0rc1",
    "webapi_port": null,
    "webapi_url": "https://mriqc.nimh.nih.gov/api/v1"
  },
  "size_t": 310,
  "size_x": 96,
  "size_y": 96,
  "size_z": 60,
  "snr": 1.9777429462797051,
  "spacing_tr": 1.5,
  "spacing_x": 2.0,
  "spacing_y": 2.0,
  "spacing_z": 2.0,
  "summary_bg_k": 82.17926865748115,
  "summary_bg_mad": 8.780831313259215,
  "summary_bg_mean": 45.222381591796875,
  "summary_bg_median": 27.387096405029297,
  "summary_bg_n": 302837.0,
  "summary_bg_p05": 20.032257080078125,
  "summary_bg_p95": 125.22645111083988,
  "summary_bg_stdv": 57.109840393066406,
  "summary_fg_k": 4.391188885727342,
  "summary_fg_mad": 218.63116155018358,
  "summary_fg_mean": 583.8489990234375,
  "summary_fg_median": 527.635498046875,
  "summary_fg_n": 159995.0,
  "summary_fg_p05": 276.7990264892578,
  "summary_fg_p95": 1084.946752929687,
  "summary_fg_stdv": 266.7858581542969,
  "tsnr": 43.63132791221142
}