{
  "bids_meta": {
    "DeviceSerialNumber": "66018",
    "DwellTime": 9.8e-06,
    "EchoTime": 0.00267,
    "FlipAngle": 7,
    "InstitutionAddress": "Washington Rd, Building 25, Princeton, NJ 08540, USA",
    "InstitutionName": "Princeton University",
    "InstitutionalDepartmentName": "Princeton Neuroscience Institute",
    "InversionTime": 1.2,
    "MagneticFieldStrength": 3,
    "Manufacturer": "Siemens",
    "ManufacturersModelName": "Prisma",
    "ParallelReductionFactorInPlane": 2,
    "ParellelReductionType": "TODO",
    "PartialFourier": 1,
    "PixelBandwidth": 200,
    "PulseSequenceDetails": "%SiemensSeq%_tfl",
    "PulseSequenceType": "MPRAGE",
    "ReceiveCoilActiveElements": "HC1-7;NC1",
    "ReceiveCoilName": "HeadNeck_64",
    "RepetitionTime": 2.53,
    "ScanOptions": "IR",
    "ScanningSequence": "GR_IR",
    "SequenceName": "_tfl3d1_16",
    "SequenceVariant": "SK_SP_MP",
    "SoftwareVersions": "syngo_MR_D13D",
    "StationName": "AWP66018",
    "dataset": "ds002345",
    "modality": "T1w",
    "run_id": 1,
    "subject_id": "186"
  },
  "cjv": 0.3476493933173834,
  "cnr": 3.7658292698646445,
  "efc": 0.5611325179338774,
  "fber": 10221.35546814347,
  "fwhm_avg": 4.151956666666667,
  "fwhm_x": 4.00383,
  "fwhm_y": 4.18336,
  "fwhm_z": 4.26868,
  "icvs_csf": 0.20897505568857502,
  "icvs_gm": 0.4280653912496085,
  "icvs_wm": 0.36295955306181643,
  "inu_med": 0.6498758792877197,
  "inu_range": 0.4106787145137787,
  "provenance": {
    "md5sum": "c0038793f0eed6c750c8bb1c232b8431",
    "settings": {
      "testing": false
    },
    "software": "mriqc",
    "version": "22.0.6",
    "warnings": {
      "large_rot_frame": true,
      "small_air_mask": false
    },
    "webapi_port": null,
    "webapi_url": "https://mriqc.nimh.nih.gov/api/v1"
  },
  "qi_1": 3.249602736065516e-06,
  "qi_2": 0.002591775993140586,
  "rpve_csf": 20.002367288378768,
  "rpve_gm": 10.312059394507008,
  "rpve_wm": 14.265393678698336,
  "size_x": 176,
  "size_y": 256,
  "size_z": 256,
  "snr_csf": 1.9035791126884924,
  "snr_gm": 9.620262827914175,
  "snr_total": 11.138862838657639,
  "snr_wm": 21.892746575370246,
  "snrd_csf": 13.381208583550425,
  "snrd_gm": 48.86724721870225,
  "snrd_total": 44.73350501978921,
  "snrd_wm": 71.95205925711494,
  "spacing_x": 1.0,
  "spacing_y": 1.0,
  "spacing_z": 1.0,
  "summary_bg_k": 9.330681558218455,
  "summary_bg_mad": 9.105630353356002,
  "summary_bg_mean": 10.54633895920159,
  "summary_bg_median": 6.141654342412949,
  "summary_bg_n": 3749840.0,
  "summary_bg_p05": 0.0,
  "summary_bg_p95": 36.84992605447769,
  "summary_bg_stdv": 13.720856113692925,
  "summary_csf_k": 3.9918660321537924,
  "summary_csf_mad": 73.9465303695927,
  "summary_csf_mean": 206.3493568494699,
  "summary_csf_median": 185.98316174000502,
  "summary_csf_n": 42853.0,
  "summary_csf_p05": 86.75582053363323,
  "summary_csf_p95": 404.8241742119194,
  "summary_csf_stdv": 97.70068944040685,
  "summary_gm_k": 0.03509598872614639,
  "summary_gm_mad": 70.27490522711044,
  "summary_gm_mean": 677.9461459789691,
  "summary_gm_median": 679.1976290121675,
  "summary_gm_n": 34127.0,
  "summary_gm_p05": 559.3511692352592,
  "summary_gm_p95": 792.3576102711258,
  "summary_gm_stdv": 70.5997008666058,
  "summary_wm_k": 1.2431383903979683,
  "summary_wm_mad": 41.26906660150059,
  "summary_wm_mean": 1001.0830948336272,
  "summary_wm_median": 1000.0495389327407,
  "summary_wm_n": 251580.0,
  "summary_wm_p05": 929.2223961129785,
  "summary_wm_p95": 1076.6741062749172,
  "summary_wm_stdv": 45.67940107240812,
  "tpm_overlap_csf": 0.1738973102239858,
  "tpm_overlap_gm": 0.4507066796444114,
  "tpm_overlap_wm": 0.5087387956329067,
  "wm2max": 0.4678734415201203
}