{
  "aor": 0.0037475202593192877,
  "aqi": 0.012415430680713128,
  "bids_meta": {
    "CogAtlasID": "https://www.cognitiveatlas.org/task/id/trm_4c8991fadfe01",
    "DeviceSerialNumber": "45031",
    "DwellTime": 4.9e-06,
    "EchoTime": 0.028,
    "EffectiveEchoSpacing": 0.000355001,
    "FlipAngle": 64,
    "InstitutionAddress": "Washington Rd, Princeton, NJ 08540, USA",
    "InstitutionName": "Princeton University",
    "InstitutionalDepartmentName": "Princeton Neuroscience Institute",
    "MagneticFieldStrength": 3,
    "Manufacturer": "Siemens",
    "ManufacturersModelName": "Skyra",
    "NumberOfVolumesDiscardedByScanner": 3,
    "ParallelReductionFactorInPlane": 2,
    "ParallelReductionType": "GRAPPA",
    "PartialFourier": 1,
    "PhaseEncodingDirection": "j-",
    "PixelBandwidth": 1595,
    "PulseSequenceDetails": "%SiemensSeq%_ep2d_bold",
    "PulseSequenceType": "Gradient Echo EPI",
    "ReceiveCoilActiveElements": "HE1-4",
    "ReceiveCoilName": "HeadNeck_20",
    "RepetitionTime": 1.5,
    "ScanOptions": "FS",
    "ScanningSequence": "EP",
    "SequenceName": "_epfid2d1_64",
    "SequenceVariant": "SK",
    "SliceTiming": [
      0,
      0.7675,
      0.055,
      0.8225,
      0.1075,
      0.875,
      0.1625,
      0.93,
      0.2175,
      0.985,
      0.2725,
      1.04,
      0.3275,
      1.095,
      0.3825,
      1.15,
      0.4375,
      1.205,
      0.4925,
      1.26,
      0.5475,
      1.315,
      0.6025,
      1.37,
      0.6575,
      1.425,
      0.7125
    ],
    "SoftwareVersions": "syngo_MR_D13",
    "StationName": "AWP45031",
    "TaskDescription": "Passively listened to audio story 'merlin'",
    "TaskName": "merlin",
    "TotalReadoutTime": 0.022365,
    "dataset": "ds002345",
    "modality": "bold",
    "subject_id": "146",
    "task_id": "merlin"
  },
  "dummy_trs": 0,
  "dvars_nstd": 24.408432319512976,
  "dvars_std": 1.3652548232467527,
  "dvars_vstd": 0.9914594730681826,
  "efc": 0.6318688587012984,
  "fber": 1285.9053955078125,
  "fd_mean": 0.09148763747908652,
  "fd_num": 13,
  "fd_perc": 2.106969205834684,
  "fwhm_avg": 1.6725475,
  "fwhm_x": 1.6622566666666667,
  "fwhm_y": 1.8590233333333332,
  "fwhm_z": 1.4963625,
  "gcor": 0.00946921,
  "gsr_x": 0.0009534491691738367,
  "gsr_y": 0.052698131650686264,
  "provenance": {
    "md5sum": "3c5d000558ee0ef4c1824f5f22303568",
    "settings": {
      "fd_thres": 0.2,
      "testing": false
    },
    "software": "mriqc",
    "version": "22.0.0rc1",
    "webapi_port": null,
    "webapi_url": "https://mriqc.nimh.nih.gov/api/v1"
  },
  "size_t": 617,
  "size_x": 64,
  "size_y": 64,
  "size_z": 27,
  "snr": 7.595408374271024,
  "spacing_tr": 1.5,
  "spacing_x": 3.0,
  "spacing_y": 3.0,
  "spacing_z": 4.0,
  "summary_bg_k": 13.228518881247016,
  "summary_bg_mad": 16.90935362049205,
  "summary_bg_mean": 55.64748764038086,
  "summary_bg_median": 19.99675750732422,
  "summary_bg_n": 50731.0,
  "summary_bg_p05": 7.040518760681152,
  "summary_bg_p95": 249.2390594482422,
  "summary_bg_stdv": 89.99688720703125,
  "summary_fg_k": 2.5340447532015684,
  "summary_fg_mad": 90.82802700022911,
  "summary_fg_mean": 759.4874267578125,
  "summary_fg_median": 750.5494384765625,
  "summary_fg_n": 31323.0,
  "summary_fg_p05": 624.8654541015625,
  "summary_fg_p95": 925.3371154785156,
  "summary_fg_stdv": 98.81462860107422,
  "tsnr": 64.46841883356683
}