{
  "aor": 0.0002572589531680441,
  "aqi": 0.008665557217630853,
  "bids_meta": {
    "CogAtlasID": "https://www.cognitiveatlas.org/task/id/trm_4c8991fadfe01",
    "DeviceSerialNumber": "45031",
    "DwellTime": 4.9e-06,
    "EchoTime": 0.028,
    "EffectiveEchoSpacing": 0.000355001,
    "FlipAngle": 64,
    "InstitutionAddress": "Washington Rd, Princeton, NJ 08540, USA",
    "InstitutionName": "Princeton University",
    "InstitutionalDepartmentName": "Princeton Neuroscience Institute",
    "MagneticFieldStrength": 3,
    "Manufacturer": "Siemens",
    "ManufacturersModelName": "Skyra",
    "NumberOfVolumesDiscardedByScanner": 3,
    "ParallelReductionFactorInPlane": 2,
    "ParallelReductionType": "GRAPPA",
    "PartialFourier": 1,
    "PhaseEncodingDirection": "j-",
    "PixelBandwidth": 1595,
    "PulseSequenceDetails": "%SiemensSeq%_ep2d_bold",
    "PulseSequenceType": "Gradient Echo EPI",
    "ReceiveCoilActiveElements": "HE1-4",
    "ReceiveCoilName": "HeadNeck_20",
    "RepetitionTime": 1.5,
    "ScanOptions": "FS",
    "ScanningSequence": "EP",
    "SequenceName": "_epfid2d1_64",
    "SequenceVariant": "SK",
    "SliceTiming": [
      0,
      0.7675,
      0.055,
      0.8225,
      0.1075,
      0.875,
      0.1625,
      0.93,
      0.2175,
      0.985,
      0.2725,
      1.04,
      0.3275,
      1.095,
      0.3825,
      1.15,
      0.4375,
      1.205,
      0.4925,
      1.26,
      0.5475,
      1.315,
      0.6025,
      1.37,
      0.6575,
      1.425,
      0.7125
    ],
    "SoftwareVersions": "syngo_MR_D13",
    "StationName": "AWP45031",
    "TaskDescription": "Passively listened to audio story 'sherlock'",
    "TaskName": "sherlock",
    "TotalReadoutTime": 0.022365,
    "dataset": "ds002345",
    "modality": "bold",
    "subject_id": "146",
    "task_id": "sherlock"
  },
  "dummy_trs": 0,
  "dvars_nstd": 24.647368111282773,
  "dvars_std": 1.3750569790344824,
  "dvars_vstd": 0.9827213681793104,
  "efc": 0.6315295275536748,
  "fber": 1278.7139892578125,
  "fd_mean": 0.08381227240615625,
  "fd_num": 4,
  "fd_perc": 0.5509641873278237,
  "fwhm_avg": 1.6554286111111114,
  "fwhm_x": 1.62718,
  "fwhm_y": 1.8166433333333334,
  "fwhm_z": 1.5224625,
  "gcor": 0.0120262,
  "gsr_x": 0.000449694023700431,
  "gsr_y": 0.05278466269373894,
  "provenance": {
    "md5sum": "e4dafa32d785d33eaf16b73378ba3e02",
    "settings": {
      "fd_thres": 0.2,
      "testing": false
    },
    "software": "mriqc",
    "version": "22.0.0rc1",
    "webapi_port": null,
    "webapi_url": "https://mriqc.nimh.nih.gov/api/v1"
  },
  "size_t": 726,
  "size_x": 64,
  "size_y": 64,
  "size_z": 27,
  "snr": 7.622595442718689,
  "spacing_tr": 1.5,
  "spacing_x": 3.0,
  "spacing_y": 3.0,
  "spacing_z": 4.0,
  "summary_bg_k": 13.412133791906477,
  "summary_bg_mad": 15.896109101804129,
  "summary_bg_mean": 55.2202033996582,
  "summary_bg_median": 19.84572982788086,
  "summary_bg_n": 50733.0,
  "summary_bg_p05": 7.730854225158692,
  "summary_bg_p95": 249.48650512695303,
  "summary_bg_stdv": 89.65015411376953,
  "summary_fg_k": 2.703440845229472,
  "summary_fg_mad": 91.62326066088751,
  "summary_fg_mean": 759.7459716796875,
  "summary_fg_median": 751.1583862304688,
  "summary_fg_n": 31283.0,
  "summary_fg_p05": 626.6918823242188,
  "summary_fg_p95": 925.3833374023437,
  "summary_fg_stdv": 98.54207611083984,
  "tsnr": 74.33071843534708
}