{
  "aor": 0.002572077922077922,
  "aqi": 0.008952027337662337,
  "bids_meta": {
    "CogAtlasID": "https://www.cognitiveatlas.org/task/id/trm_4c8991fadfe01",
    "DeviceSerialNumber": "66018",
    "DwellTime": 4.2e-06,
    "EchoTime": 0.039,
    "EffectiveEchoSpacing": 0.000929976,
    "FlipAngle": 50,
    "InstitutionAddress": "Washington Rd, Princeton, NJ 08540, USA",
    "InstitutionName": "Princeton University",
    "InstitutionalDepartmentName": "Princeton Neuroscience Institute",
    "MagneticFieldStrength": 3,
    "Manufacturer": "Siemens",
    "ManufacturersModelName": "Prisma",
    "NumberOfVolumesDiscardedByScanner": 3,
    "ParallelReductionType": "GRAPPA",
    "PartialFourier": 0.75,
    "PhaseEncodingDirection": "j-",
    "PixelBandwidth": 1240,
    "PulseSequenceDetails": "%CustomerSeq%_ep2d_bold_sms_mgh_v22",
    "PulseSequenceType": "Gradient Echo EPI",
    "ReceiveCoilActiveElements": "HC1-7;NC1,2",
    "ReceiveCoilName": "HeadNeck_64",
    "RepetitionTime": 1.5,
    "ScanOptions": "PFP_FS",
    "ScanningSequence": "EP",
    "SequenceName": "epfSM2d1_96",
    "SequenceVariant": "SK",
    "SliceTiming": [
      0.6925,
      0,
      0.79,
      0.1,
      0.8875,
      0.1975,
      0.9875,
      0.2975,
      1.085,
      0.395,
      1.185,
      0.495,
      1.2825,
      0.5925,
      1.3825,
      0.6925,
      0,
      0.79,
      0.1,
      0.8875,
      0.1975,
      0.9875,
      0.2975,
      1.085,
      0.395,
      1.185,
      0.495,
      1.2825,
      0.5925,
      1.3825,
      0.6925,
      0,
      0.79,
      0.1,
      0.8875,
      0.1975,
      0.9875,
      0.2975,
      1.085,
      0.395,
      1.185,
      0.495,
      1.2825,
      0.5925,
      1.3825,
      0.6925,
      0,
      0.79,
      0.1,
      0.8875,
      0.1975,
      0.9875,
      0.2975,
      1.085,
      0.395,
      1.185,
      0.495,
      1.2825,
      0.5925,
      1.3825
    ],
    "SoftwareVersions": "syngo_MR_D13D",
    "StationName": "AWP66018",
    "TaskDescription": "Passively listened to audio story 'shapesphysical'",
    "TaskName": "shapesphysical",
    "TotalReadoutTime": 0.0883478,
    "dataset": "ds002345",
    "modality": "bold",
    "subject_id": "230",
    "task_id": "shapesphysical"
  },
  "dummy_trs": 1,
  "dvars_nstd": 33.05006810052115,
  "dvars_std": 1.0297063383387621,
  "dvars_vstd": 0.9751330567752445,
  "efc": 0.5684249025990514,
  "fber": 362.609130859375,
  "fd_mean": 0.13680998629858485,
  "fd_num": 32,
  "fd_perc": 10.38961038961039,
  "fwhm_avg": 2.802433333333333,
  "fwhm_x": 2.640935,
  "fwhm_y": 2.95441,
  "fwhm_z": 2.811955,
  "gcor": 0.00752241,
  "gsr_x": -0.0003766091540455818,
  "gsr_y": 0.04694979637861252,
  "provenance": {
    "md5sum": "c68f4701b6f9c383d1178e96b7d1febc",
    "settings": {
      "fd_thres": 0.2,
      "testing": false
    },
    "software": "mriqc",
    "version": "22.0.0rc1",
    "webapi_port": null,
    "webapi_url": "https://mriqc.nimh.nih.gov/api/v1"
  },
  "size_t": 308,
  "size_x": 96,
  "size_y": 96,
  "size_z": 60,
  "snr": 2.176934533171673,
  "spacing_tr": 1.5,
  "spacing_x": 2.0,
  "spacing_y": 2.0,
  "spacing_z": 2.0,
  "summary_bg_k": 56.965143935896705,
  "summary_bg_mad": 7.316737303066829,
  "summary_bg_mean": 40.999122619628906,
  "summary_bg_median": 25.44805145263672,
  "summary_bg_n": 321712.0,
  "summary_bg_p05": 18.909090042114258,
  "summary_bg_p95": 113.33116912841797,
  "summary_bg_stdv": 49.05490493774414,
  "summary_fg_k": 3.8801504218543235,
  "summary_fg_mad": 192.29060750817564,
  "summary_fg_mean": 539.00927734375,
  "summary_fg_median": 499.7711181640625,
  "summary_fg_n": 143222.0,
  "summary_fg_p05": 259.38327941894534,
  "summary_fg_p95": 960.2303680419922,
  "summary_fg_stdv": 229.5748291015625,
  "tsnr": 32.0829919539392
}