{
  "aor": 0.017876632996632995,
  "aqi": 0.01648791074074074,
  "bids_meta": {
    "CogAtlasID": "https://www.cognitiveatlas.org/task/id/trm_4c8991fadfe01",
    "DeviceSerialNumber": "45031",
    "DwellTime": 5.4e-06,
    "EchoTime": 0.028,
    "EffectiveEchoSpacing": 0.000390001,
    "FlipAngle": 64,
    "InstitutionAddress": "Washington Rd, Princeton, NJ 08540, USA",
    "InstitutionName": "Princeton University",
    "InstitutionalDepartmentName": "Princeton Neuroscience Institute",
    "MagneticFieldStrength": 3,
    "Manufacturer": "Siemens",
    "ManufacturersModelName": "Skyra",
    "NumberOfVolumesDiscardedByScanner": 3,
    "ParallelReductionFactorInPlane": 2,
    "ParallelReductionType": "GRAPPA",
    "PartialFourier": 1,
    "PhaseEncodingDirection": "j-",
    "PixelBandwidth": 1445,
    "PulseSequenceDetails": "%SiemensSeq%_ep2d_bold",
    "PulseSequenceType": "Gradient Echo EPI",
    "ReceiveCoilActiveElements": "HE1-4",
    "ReceiveCoilName": "HeadNeck_20",
    "RepetitionTime": 1.5,
    "ScanOptions": "FS",
    "ScanningSequence": "EP",
    "SequenceName": "_epfid2d1_64",
    "SequenceVariant": "SK",
    "SliceTiming": [
      0,
      0.7775,
      0.055,
      0.8325,
      0.11,
      0.8875,
      0.165,
      0.9425,
      0.22,
      0.9975,
      0.2775,
      1.055,
      0.3325,
      1.11,
      0.3875,
      1.165,
      0.4425,
      1.22,
      0.5,
      1.2775,
      0.555,
      1.3325,
      0.61,
      1.3875,
      0.665,
      1.4425,
      0.72
    ],
    "SoftwareVersions": "syngo_MR_D11",
    "StationName": "AWP45031",
    "TaskDescription": "Passively listened to audio story 'milkyway'",
    "TaskName": "milkyway",
    "TotalReadoutTime": 0.0245701,
    "dataset": "ds002345",
    "modality": "bold",
    "subject_id": "101",
    "task_id": "milkyway"
  },
  "dummy_trs": 0,
  "dvars_nstd": 22.467232085439186,
  "dvars_std": 1.2969605144932441,
  "dvars_vstd": 1.1592990832432435,
  "efc": 0.5919552853168677,
  "fber": 1832.4415283203125,
  "fd_mean": 0.2093645389355987,
  "fd_num": 92,
  "fd_perc": 30.976430976430976,
  "fwhm_avg": 1.7598452168613414,
  "fwhm_x": 1.71519,
  "fwhm_y": 2.0313333333333334,
  "fwhm_z": 1.5330123172506906,
  "gcor": 0.00852653,
  "gsr_x": -0.0135427825152874,
  "gsr_y": 0.05124008283019066,
  "provenance": {
    "md5sum": "0626e714bdc7628b3980e1b8e8d25666",
    "settings": {
      "fd_thres": 0.2,
      "testing": false
    },
    "software": "mriqc",
    "version": "22.0.0rc1",
    "webapi_port": null,
    "webapi_url": "https://mriqc.nimh.nih.gov/api/v1"
  },
  "size_t": 297,
  "size_x": 64,
  "size_y": 64,
  "size_z": 27,
  "snr": 7.389167854847735,
  "spacing_tr": 1.5,
  "spacing_x": 3.0,
  "spacing_y": 3.0,
  "spacing_z": 4.000000476837158,
  "summary_bg_k": 18.993783492750296,
  "summary_bg_mad": 12.81926793129605,
  "summary_bg_mean": 44.036075592041016,
  "summary_bg_median": 16.494949340820312,
  "summary_bg_n": 55305.0,
  "summary_bg_p05": 5.528619289398193,
  "summary_bg_p95": 180.95756530761707,
  "summary_bg_stdv": 70.61941528320312,
  "summary_fg_k": 2.488754755957239,
  "summary_fg_mad": 89.88465980492144,
  "summary_fg_mean": 727.66259765625,
  "summary_fg_median": 719.6767578125,
  "summary_fg_n": 26963.0,
  "summary_fg_p05": 594.5629333496094,
  "summary_fg_p95": 891.1275939941406,
  "summary_fg_stdv": 97.39437866210938,
  "tsnr": 53.46586961299181
}