{
  "aor": 0.001136715789473684,
  "aqi": 0.010392163284210528,
  "bids_meta": {
    "CogAtlasID": "https://www.cognitiveatlas.org/task/id/trm_4c8991fadfe01",
    "DeviceSerialNumber": "45031",
    "DwellTime": 5.4e-06,
    "EchoTime": 0.028,
    "EffectiveEchoSpacing": 0.000390001,
    "FlipAngle": 64,
    "InstitutionAddress": "Washington Rd, Princeton, NJ 08540, USA",
    "InstitutionName": "Princeton University",
    "InstitutionalDepartmentName": "Princeton Neuroscience Institute",
    "MagneticFieldStrength": 3,
    "Manufacturer": "Siemens",
    "ManufacturersModelName": "Skyra",
    "NumberOfVolumesDiscardedByScanner": 3,
    "ParallelReductionFactorInPlane": 2,
    "ParallelReductionType": "GRAPPA",
    "PartialFourier": 1,
    "PhaseEncodingDirection": "j-",
    "PixelBandwidth": 1445,
    "PulseSequenceDetails": "%SiemensSeq%_ep2d_bold",
    "PulseSequenceType": "Gradient Echo EPI",
    "ReceiveCoilActiveElements": "HE1-4",
    "ReceiveCoilName": "HeadNeck_20",
    "RepetitionTime": 1.5,
    "ScanOptions": "FS",
    "ScanningSequence": "EP",
    "SequenceName": "_epfid2d1_64",
    "SequenceVariant": "SK",
    "SliceTiming": [
      0,
      0.7775,
      0.055,
      0.8325,
      0.11,
      0.8875,
      0.165,
      0.9425,
      0.22,
      0.9975,
      0.2775,
      1.055,
      0.3325,
      1.11,
      0.3875,
      1.165,
      0.4425,
      1.22,
      0.5,
      1.2775,
      0.555,
      1.3325,
      0.61,
      1.3875,
      0.665,
      1.4425,
      0.72
    ],
    "SoftwareVersions": "syngo_MR_D11",
    "StationName": "AWP45031",
    "TaskDescription": "Passively listened to audio story 'prettymouth'",
    "TaskName": "prettymouth",
    "TotalReadoutTime": 0.0245701,
    "dataset": "ds002345",
    "modality": "bold",
    "subject_id": "101",
    "task_id": "prettymouth"
  },
  "dummy_trs": 0,
  "dvars_nstd": 23.068342120421928,
  "dvars_std": 1.1824633374683535,
  "dvars_vstd": 0.985936968586498,
  "efc": 0.5887816414520304,
  "fber": 2003.7635498046875,
  "fd_mean": 0.17866036540533178,
  "fd_num": 137,
  "fd_perc": 28.842105263157894,
  "fwhm_avg": 1.7484999367976262,
  "fwhm_x": 1.68158,
  "fwhm_y": 1.97338,
  "fwhm_z": 1.5905398103928792,
  "gcor": 0.0233936,
  "gsr_x": -0.008651306852698326,
  "gsr_y": 0.05096185952425003,
  "provenance": {
    "md5sum": "3f45edd8b2f5286d7164fded2f4a09c9",
    "settings": {
      "fd_thres": 0.2,
      "testing": false
    },
    "software": "mriqc",
    "version": "22.0.0rc1",
    "webapi_port": null,
    "webapi_url": "https://mriqc.nimh.nih.gov/api/v1"
  },
  "size_t": 475,
  "size_x": 64,
  "size_y": 64,
  "size_z": 27,
  "snr": 7.418780863223363,
  "spacing_tr": 1.5,
  "spacing_x": 3.0,
  "spacing_y": 3.0,
  "spacing_z": 4.000000476837158,
  "summary_bg_k": 20.965961518501352,
  "summary_bg_mad": 10.287699220922297,
  "summary_bg_mean": 42.46678161621094,
  "summary_bg_median": 15.292631149291992,
  "summary_bg_n": 55307.0,
  "summary_bg_p05": 6.550104856491089,
  "summary_bg_p95": 177.60841827392548,
  "summary_bg_stdv": 70.61530303955078,
  "summary_fg_k": 2.901309597621264,
  "summary_fg_mad": 88.99042914554202,
  "summary_fg_mean": 726.3048095703125,
  "summary_fg_median": 718.713623046875,
  "summary_fg_n": 26711.0,
  "summary_fg_p05": 597.7252197265625,
  "summary_fg_p95": 887.0757446289062,
  "summary_fg_stdv": 96.87577819824219,
  "tsnr": 64.45445028075483
}