{
  "bids_meta": {
    "DeviceSerialNumber": "45031",
    "DwellTime": 8.2e-06,
    "EchoTime": 0.00308,
    "FlipAngle": 9,
    "InstitutionAddress": "Washington Rd, Princeton, NJ 08540, USA",
    "InstitutionName": "Princeton University",
    "InstitutionalDepartmentName": "Princeton Neuroscience Institute",
    "InversionTime": 0.9,
    "MagneticFieldStrength": 3,
    "Manufacturer": "Siemens",
    "ManufacturersModelName": "Skyra",
    "ParallelReductionFactorInPlane": 2,
    "ParallelReductionType": "GRAPPA",
    "PartialFourier": 1,
    "PixelBandwidth": 240,
    "PulseSequenceDetails": "%SiemensSeq%_tfl",
    "PulseSequenceType": "MPRAGE",
    "ReceiveCoilActiveElements": "HE1-4",
    "ReceiveCoilName": "HeadNeck_20",
    "RepetitionTime": 2.3,
    "ScanOptions": "IR",
    "ScanningSequence": "GR_IR",
    "SequenceName": "_tfl3d1_16ns",
    "SequenceVariant": "SK_SP_MP",
    "SoftwareVersions": "syngo_MR_D11",
    "StationName": "AWP45031",
    "dataset": "ds002345",
    "modality": "T1w",
    "subject_id": "010"
  },
  "cjv": 0.43638395187101636,
  "cnr": 3.0527888056926247,
  "efc": 0.6148139237356192,
  "fber": 1323.1957392102847,
  "fwhm_avg": 3.3669575161959173,
  "fwhm_x": 3.33421097862147,
  "fwhm_y": 3.578751751784463,
  "fwhm_z": 3.187909818181818,
  "icvs_csf": 0.17815159110096015,
  "icvs_gm": 0.42951013466046073,
  "icvs_wm": 0.3923382742385791,
  "inu_med": 1.4227848052978516,
  "inu_range": 0.5305084586143494,
  "provenance": {
    "md5sum": "eaf76f81e0d2e7074b30f83ff616bd13",
    "settings": {
      "testing": false
    },
    "software": "mriqc",
    "version": "21.0.0rc2",
    "warnings": {
      "large_rot_frame": true,
      "small_air_mask": false
    },
    "webapi_port": null,
    "webapi_url": "https://mriqc.nimh.nih.gov/api/v1"
  },
  "qi_1": 0.0,
  "qi_2": 0.003748548813513846,
  "rpve_csf": 21.631420767871955,
  "rpve_gm": 10.070488903302243,
  "rpve_wm": 13.063206155154376,
  "size_x": 192,
  "size_y": 256,
  "size_z": 256,
  "snr_csf": 2.1913285444810158,
  "snr_gm": 9.993883882208099,
  "snr_total": 10.214928081442332,
  "snr_wm": 18.45957181763788,
  "snrd_csf": 24.06122963028242,
  "snrd_gm": 44.85110132208746,
  "snrd_total": 43.6679958367122,
  "snrd_wm": 62.09165655776671,
  "spacing_x": 0.9000000357627869,
  "spacing_y": 0.8593750596046448,
  "spacing_z": 0.859375,
  "summary_bg_k": 3.2545471389413194,
  "summary_bg_mad": 10.551117512246586,
  "summary_bg_mean": 16.09621917911503,
  "summary_bg_median": 14.348025433719158,
  "summary_bg_n": 2632767.0,
  "summary_bg_p05": 2.4104682728648186,
  "summary_bg_p95": 35.92745568603277,
  "summary_bg_stdv": 10.677158021710843,
  "summary_csf_k": 30.391020046175548,
  "summary_csf_mad": 144.82259682132008,
  "summary_csf_mean": 397.52255642582065,
  "summary_csf_median": 387.511470913887,
  "summary_csf_n": 18940.0,
  "summary_csf_p05": 195.13314589858055,
  "summary_csf_p95": 601.3601811882107,
  "summary_csf_stdv": 176.83393107771218,
  "summary_gm_k": 0.20008866571073636,
  "summary_gm_mad": 69.77351903259839,
  "summary_gm_mean": 724.8315620251846,
  "summary_gm_median": 722.3369924351573,
  "summary_gm_n": 39213.0,
  "summary_gm_p05": 608.4710625931621,
  "summary_gm_p95": 847.4517742171884,
  "summary_gm_stdv": 72.27698364945115,
  "summary_wm_k": 0.5459834208417433,
  "summary_wm_mad": 51.39415304352369,
  "summary_wm_mean": 998.726928229101,
  "summary_wm_median": 999.9999806284904,
  "summary_wm_n": 342817.0,
  "summary_wm_p05": 907.4839126318693,
  "summary_wm_p95": 1084.5959385856986,
  "summary_wm_stdv": 54.1723574090635,
  "tpm_overlap_csf": 0.17840246856212616,
  "tpm_overlap_gm": 0.43446797132492065,
  "tpm_overlap_wm": 0.49765077233314514,
  "wm2max": 0.4770823065549532
}