{
  "bids_meta": {
    "DeviceSerialNumber": "45031",
    "DwellTime": 8.2e-06,
    "EchoTime": 0.00308,
    "FlipAngle": 9,
    "InstitutionAddress": "Washington Rd, Princeton, NJ 08540, USA",
    "InstitutionName": "Princeton University",
    "InstitutionalDepartmentName": "Princeton Neuroscience Institute",
    "InversionTime": 0.9,
    "MagneticFieldStrength": 3,
    "Manufacturer": "Siemens",
    "ManufacturersModelName": "Skyra",
    "ParallelReductionFactorInPlane": 2,
    "ParallelReductionType": "GRAPPA",
    "PartialFourier": 1,
    "PixelBandwidth": 240,
    "PulseSequenceDetails": "%SiemensSeq%_tfl",
    "PulseSequenceType": "MPRAGE",
    "ReceiveCoilActiveElements": "HE1-4",
    "ReceiveCoilName": "HeadNeck_20",
    "RepetitionTime": 2.3,
    "ScanOptions": "IR",
    "ScanningSequence": "GR_IR",
    "SequenceName": "_tfl3d1_16ns",
    "SequenceVariant": "SK_SP_MP",
    "SoftwareVersions": "syngo_MR_D11",
    "StationName": "AWP45031",
    "dataset": "ds002345",
    "modality": "T1w",
    "subject_id": "035"
  },
  "cjv": 0.42671695240933044,
  "cnr": 3.0917444182059004,
  "efc": 0.6421000274789389,
  "fber": 827.8342473043639,
  "fwhm_avg": 3.3678932126650047,
  "fwhm_x": 3.3161889767378963,
  "fwhm_y": 3.5732477521662105,
  "fwhm_z": 3.214242909090909,
  "icvs_csf": 0.18160889298900468,
  "icvs_gm": 0.4264540043033974,
  "icvs_wm": 0.3919371027075979,
  "inu_med": 1.3174686431884766,
  "inu_range": 0.5555341601371766,
  "provenance": {
    "md5sum": "8107d098deb1c013a81359fd0a861a83",
    "settings": {
      "testing": false
    },
    "software": "mriqc",
    "version": "21.0.0rc2",
    "warnings": {
      "large_rot_frame": true,
      "small_air_mask": false
    },
    "webapi_port": null,
    "webapi_url": "https://mriqc.nimh.nih.gov/api/v1"
  },
  "qi_1": 0.0,
  "qi_2": 0.003785353772825265,
  "rpve_csf": 19.019822172214102,
  "rpve_gm": 8.999351533244145,
  "rpve_wm": 11.876031034164068,
  "size_x": 192,
  "size_y": 256,
  "size_z": 256,
  "snr_csf": 1.2524352735088005,
  "snr_gm": 8.555684643241694,
  "snr_total": 8.668305538586242,
  "snr_wm": 16.19679669900823,
  "snrd_csf": 19.297066192713675,
  "snrd_gm": 38.361802268376266,
  "snrd_total": 37.889549546788764,
  "snrd_wm": 56.009780179276355,
  "spacing_x": 0.8999999761581421,
  "spacing_y": 0.8593750596046448,
  "spacing_z": 0.859375,
  "summary_bg_k": 3.272405806752336,
  "summary_bg_mad": 11.696821095281102,
  "summary_bg_mean": 19.572491823264127,
  "summary_bg_median": 16.348109006881714,
  "summary_bg_n": 2260418.0,
  "summary_bg_p05": 2.6840178966522217,
  "summary_bg_p95": 43.35095572471619,
  "summary_bg_stdv": 12.878837230078073,
  "summary_csf_k": 39.65971061033031,
  "summary_csf_mad": 151.2145737472423,
  "summary_csf_mean": 384.28743832537384,
  "summary_csf_median": 344.5302972793579,
  "summary_csf_n": 16386.0,
  "summary_csf_p05": 160.39040279388428,
  "summary_csf_p95": 612.6677518486977,
  "summary_csf_stdv": 275.07991148062473,
  "summary_gm_k": 0.29872791437645674,
  "summary_gm_mad": 75.36611530464627,
  "summary_gm_mean": 686.8438546427739,
  "summary_gm_median": 684.9125669002533,
  "summary_gm_n": 39805.0,
  "summary_gm_p05": 556.1610417366028,
  "summary_gm_p95": 822.7572193622585,
  "summary_gm_stdv": 80.05250217337404,
  "summary_wm_k": 0.461154440276049,
  "summary_wm_mad": 59.08703439884268,
  "summary_wm_mean": 998.7341223304529,
  "summary_wm_median": 1000.0000011920929,
  "summary_wm_n": 383421.0,
  "summary_wm_p05": 895.3233032226562,
  "summary_wm_p95": 1097.275316476822,
  "summary_wm_stdv": 61.74052287776617,
  "tpm_overlap_csf": 0.17234018445014954,
  "tpm_overlap_gm": 0.4369147717952728,
  "tpm_overlap_wm": 0.5017908215522766,
  "wm2max": 0.48196785574284595
}