{
  "bids_meta": {
    "DeviceSerialNumber": "45031",
    "DwellTime": 8.2e-06,
    "EchoTime": 0.00308,
    "FlipAngle": 9,
    "InstitutionAddress": "Washington Rd, Princeton, NJ 08540, USA",
    "InstitutionName": "Princeton University",
    "InstitutionalDepartmentName": "Princeton Neuroscience Institute",
    "InversionTime": 0.9,
    "MagneticFieldStrength": 3,
    "Manufacturer": "Siemens",
    "ManufacturersModelName": "Skyra",
    "ParallelReductionFactorInPlane": 2,
    "ParallelReductionType": "GRAPPA",
    "PartialFourier": 1,
    "PixelBandwidth": 240,
    "PulseSequenceDetails": "%SiemensSeq%_tfl",
    "PulseSequenceType": "MPRAGE",
    "ReceiveCoilActiveElements": "HE1-4",
    "ReceiveCoilName": "HeadNeck_20",
    "RepetitionTime": 2.3,
    "ScanOptions": "IR",
    "ScanningSequence": "GR_IR",
    "SequenceName": "_tfl3d1_16ns",
    "SequenceVariant": "SK_SP_MP",
    "SoftwareVersions": "syngo_MR_D11",
    "StationName": "AWP45031",
    "dataset": "ds002345",
    "modality": "T1w",
    "subject_id": "143"
  },
  "cjv": 0.47620924180833146,
  "cnr": 2.7829244837348472,
  "efc": 0.6899361576481631,
  "fber": 779.4484856679286,
  "fwhm_avg": 3.3922158337863735,
  "fwhm_x": 3.397499864995485,
  "fwhm_y": 3.5753192727272727,
  "fwhm_z": 3.2038283636363634,
  "icvs_csf": 0.16867518338191992,
  "icvs_gm": 0.442926092831286,
  "icvs_wm": 0.38839872378679413,
  "inu_med": 1.2979130744934082,
  "inu_range": 0.580209898948669,
  "provenance": {
    "md5sum": "4d08fb2598c2cfcd6db33ca42a792e6c",
    "settings": {
      "testing": false
    },
    "software": "mriqc",
    "version": "22.0.0rc1",
    "warnings": {
      "large_rot_frame": true,
      "small_air_mask": false
    },
    "webapi_port": null,
    "webapi_url": "https://mriqc.nimh.nih.gov/api/v1"
  },
  "qi_1": 0.0,
  "qi_2": 0.002984578116513882,
  "rpve_csf": 18.7026683312526,
  "rpve_gm": 8.170459229672149,
  "rpve_wm": 10.944649956448325,
  "size_x": 192,
  "size_y": 254,
  "size_z": 233,
  "snr_csf": 2.720375694492208,
  "snr_gm": 8.882702976132189,
  "snr_total": 9.000980418050574,
  "snr_wm": 15.399862583527325,
  "snrd_csf": 20.38377414800027,
  "snrd_gm": 36.39198182990968,
  "snrd_total": 36.00726571053941,
  "snrd_wm": 51.246041153708255,
  "spacing_x": 0.9000000357627869,
  "spacing_y": 0.859375,
  "spacing_z": 0.859375,
  "summary_bg_k": 355.49138855296314,
  "summary_bg_mad": 12.784907231358316,
  "summary_bg_mean": 22.689032204743015,
  "summary_bg_median": 20.201411023736,
  "summary_bg_n": 2131478.0,
  "summary_bg_p05": 2.9548332542181015,
  "summary_bg_p95": 49.32762452960014,
  "summary_bg_stdv": 15.508325338474645,
  "summary_csf_k": -0.3364672477790913,
  "summary_csf_mad": 171.9257105307835,
  "summary_csf_mean": 401.7392511666286,
  "summary_csf_median": 397.7868890091777,
  "summary_csf_n": 16658.0,
  "summary_csf_p05": 183.44087263941765,
  "summary_csf_p95": 632.4127099379897,
  "summary_csf_stdv": 146.2205936554867,
  "summary_gm_k": 0.40787227495471656,
  "summary_gm_mad": 75.18955931169471,
  "summary_gm_mean": 713.2929667113686,
  "summary_gm_median": 710.1851272433996,
  "summary_gm_n": 44582.0,
  "summary_gm_p05": 586.1454484216869,
  "summary_gm_p95": 852.3759246267376,
  "summary_gm_stdv": 79.95056957051928,
  "summary_wm_k": 0.4045389254588625,
  "summary_wm_mad": 62.85167680870557,
  "summary_wm_mean": 1000.9732620064492,
  "summary_wm_median": 1000.0602997541428,
  "summary_wm_n": 365785.0,
  "summary_wm_p05": 896.3999249786139,
  "summary_wm_p95": 1108.3036812096834,
  "summary_wm_stdv": 64.9394712013416,
  "tpm_overlap_csf": 0.18037506937980652,
  "tpm_overlap_gm": 0.4604915380477905,
  "tpm_overlap_wm": 0.5167840123176575,
  "wm2max": 0.46764233144404027
}